PATH
  remote: .
  specs:
    faker (2.20.0)
      i18n (>= 1.8.11, < 2)

GEM
  remote: https://rubygems.org/
  specs:
    package0 (1.0.0)
    package1 (1.0.0)
    package2 (1.0.0)
    package3 (1.0.0)
    package4 (1.0.0)
    package5 (1.0.0)
    package6 (1.0.0)
    package7 (1.0.0)
    package8 (1.0.0)
    package9 (1.0.0)
    package10 (1.0.0)
    package11 (1.0.0)
    package12 (1.0.0)
    package13 (1.0.0)
    package14 (1.0.0)
    package15 (1.0.0)
    package16 (1.0.0)
    package17 (1.0.0)
    package18 (1.0.0)
    package19 (1.0.0)
    package20 (1.0.0)
    package21 (1.0.0)
    package22 (1.0.0)
    package23 (1.0.0)
    package24 (1.0.0)
    package25 (1.0.0)
    package26 (1.0.0)
    package27 (1.0.0)
    package28 (1.0.0)
    package29 (1.0.0)
    package30 (1.0.0)
    package31 (1.0.0)
    package32 (1.0.0)
    package33 (1.0.0)
    package34 (1.0.0)
    package35 (1.0.0)
    package36 (1.0.0)
    package37 (1.0.0)
    package38 (1.0.0)
    package39 (1.0.0)
    package40 (1.0.0)
    package41 (1.0.0)
    package42 (1.0.0)
    package43 (1.0.0)
    package44 (1.0.0)
    package45 (1.0.0)
    package46 (1.0.0)
    package47 (1.0.0)
    package48 (1.0.0)
    package49 (1.0.0)
    package50 (1.0.0)
    package51 (1.0.0)
    package52 (1.0.0)
    package53 (1.0.0)
    package54 (1.0.0)
    package55 (1.0.0)
    package56 (1.0.0)
    package57 (1.0.0)
    package58 (1.0.0)
    package59 (1.0.0)
    package60 (1.0.0)
    package61 (1.0.0)
    package62 (1.0.0)
    package63 (1.0.0)
    package64 (1.0.0)
    package65 (1.0.0)
    package66 (1.0.0)
    package67 (1.0.0)
    package68 (1.0.0)
    package69 (1.0.0)
    package70 (1.0.0)
    package71 (1.0.0)
    package72 (1.0.0)
    package73 (1.0.0)
    package74 (1.0.0)
    package75 (1.0.0)
    package76 (1.0.0)
    package77 (1.0.0)
    package78 (1.0.0)
    package79 (1.0.0)
    package80 (1.0.0)
    package81 (1.0.0)
    package82 (1.0.0)
    package83 (1.0.0)
    package84 (1.0.0)
    package85 (1.0.0)
    package86 (1.0.0)
    package87 (1.0.0)
    package88 (1.0.0)
    package89 (1.0.0)
    package90 (1.0.0)
    package91 (1.0.0)
    package92 (1.0.0)
    package93 (1.0.0)
    package94 (1.0.0)
    package95 (1.0.0)
    package96 (1.0.0)
    package97 (1.0.0)
    package98 (1.0.0)
    package99 (1.0.0)
    package100 (1.0.0)
    package101 (1.0.0)
    package102 (1.0.0)
    package103 (1.0.0)
    package104 (1.0.0)
    package105 (1.0.0)
    package106 (1.0.0)
    package107 (1.0.0)
    package108 (1.0.0)
    package109 (1.0.0)
    package110 (1.0.0)
    package111 (1.0.0)
    package112 (1.0.0)
    package113 (1.0.0)
    package114 (1.0.0)
    package115 (1.0.0)
    package116 (1.0.0)
    package117 (1.0.0)
    package118 (1.0.0)
    package119 (1.0.0)
    package120 (1.0.0)
    package121 (1.0.0)
    package122 (1.0.0)
    package123 (1.0.0)
    package124 (1.0.0)
    package125 (1.0.0)
    package126 (1.0.0)
    package127 (1.0.0)
    package128 (1.0.0)
    package129 (1.0.0)
    package130 (1.0.0)
    package131 (1.0.0)
    package132 (1.0.0)
    package133 (1.0.0)
    package134 (1.0.0)
    package135 (1.0.0)
    package136 (1.0.0)
    package137 (1.0.0)
    package138 (1.0.0)
    package139 (1.0.0)
    package140 (1.0.0)
    package141 (1.0.0)
    package142 (1.0.0)
    package143 (1.0.0)
    package144 (1.0.0)
    package145 (1.0.0)
    package146 (1.0.0)
    package147 (1.0.0)
    package148 (1.0.0)
    package149 (1.0.0)
    package150 (1.0.0)
    package151 (1.0.0)
    package152 (1.0.0)
    package153 (1.0.0)
    package154 (1.0.0)
    package155 (1.0.0)
    package156 (1.0.0)
    package157 (1.0.0)
    package158 (1.0.0)
    package159 (1.0.0)
    package160 (1.0.0)
    package161 (1.0.0)
    package162 (1.0.0)
    package163 (1.0.0)
    package164 (1.0.0)
    package165 (1.0.0)
    package166 (1.0.0)
    package167 (1.0.0)
    package168 (1.0.0)
    package169 (1.0.0)
    package170 (1.0.0)
    package171 (1.0.0)
    package172 (1.0.0)
    package173 (1.0.0)
    package174 (1.0.0)
    package175 (1.0.0)
    package176 (1.0.0)
    package177 (1.0.0)
    package178 (1.0.0)
    package179 (1.0.0)
    package180 (1.0.0)
    package181 (1.0.0)
    package182 (1.0.0)
    package183 (1.0.0)
    package184 (1.0.0)
    package185 (1.0.0)
    package186 (1.0.0)
    package187 (1.0.0)
    package188 (1.0.0)
    package189 (1.0.0)
    package190 (1.0.0)
    package191 (1.0.0)
    package192 (1.0.0)
    package193 (1.0.0)
    package194 (1.0.0)
    package195 (1.0.0)
    package196 (1.0.0)
    package197 (1.0.0)
    package198 (1.0.0)
    package199 (1.0.0)
    package200 (1.0.0)
    package201 (1.0.0)
    package202 (1.0.0)
    package203 (1.0.0)
    package204 (1.0.0)
    package205 (1.0.0)
    package206 (1.0.0)
    package207 (1.0.0)
    package208 (1.0.0)
    package209 (1.0.0)
    package210 (1.0.0)
    package211 (1.0.0)
    package212 (1.0.0)
    package213 (1.0.0)
    package214 (1.0.0)
    package215 (1.0.0)
    package216 (1.0.0)
    package217 (1.0.0)
    package218 (1.0.0)
    package219 (1.0.0)
    package220 (1.0.0)
    package221 (1.0.0)
    package222 (1.0.0)
    package223 (1.0.0)
    package224 (1.0.0)
    package225 (1.0.0)
    package226 (1.0.0)
    package227 (1.0.0)
    package228 (1.0.0)
    package229 (1.0.0)
    package230 (1.0.0)
    package231 (1.0.0)
    package232 (1.0.0)
    package233 (1.0.0)
    package234 (1.0.0)
    package235 (1.0.0)
    package236 (1.0.0)
    package237 (1.0.0)
    package238 (1.0.0)
    package239 (1.0.0)
    package240 (1.0.0)
    package241 (1.0.0)
    package242 (1.0.0)
    package243 (1.0.0)
    package244 (1.0.0)
    package245 (1.0.0)
    package246 (1.0.0)
    package247 (1.0.0)
    package248 (1.0.0)
    package249 (1.0.0)
    package250 (1.0.0)
    package251 (1.0.0)
    package252 (1.0.0)
    package253 (1.0.0)
    package254 (1.0.0)
    package255 (1.0.0)
    package256 (1.0.0)
    package257 (1.0.0)
    package258 (1.0.0)
    package259 (1.0.0)
    package260 (1.0.0)
    package261 (1.0.0)
    package262 (1.0.0)
    package263 (1.0.0)
    package264 (1.0.0)
    package265 (1.0.0)
    package266 (1.0.0)
    package267 (1.0.0)
    package268 (1.0.0)
    package269 (1.0.0)
    package270 (1.0.0)
    package271 (1.0.0)
    package272 (1.0.0)
    package273 (1.0.0)
    package274 (1.0.0)
    package275 (1.0.0)
    package276 (1.0.0)
    package277 (1.0.0)
    package278 (1.0.0)
    package279 (1.0.0)
    package280 (1.0.0)
    package281 (1.0.0)
    package282 (1.0.0)
    package283 (1.0.0)
    package284 (1.0.0)
    package285 (1.0.0)
    package286 (1.0.0)
    package287 (1.0.0)
    package288 (1.0.0)
    package289 (1.0.0)
    package290 (1.0.0)
    package291 (1.0.0)
    package292 (1.0.0)
    package293 (1.0.0)
    package294 (1.0.0)
    package295 (1.0.0)
    package296 (1.0.0)
    package297 (1.0.0)
    package298 (1.0.0)
    package299 (1.0.0)
    package300 (1.0.0)
    package301 (1.0.0)
    package302 (1.0.0)
    package303 (1.0.0)
    package304 (1.0.0)
    package305 (1.0.0)
    package306 (1.0.0)
    package307 (1.0.0)
    package308 (1.0.0)
    package309 (1.0.0)
    package310 (1.0.0)
    package311 (1.0.0)
    package312 (1.0.0)
    package313 (1.0.0)
    package314 (1.0.0)
    package315 (1.0.0)
    package316 (1.0.0)
    package317 (1.0.0)
    package318 (1.0.0)
    package319 (1.0.0)
    package320 (1.0.0)
    package321 (1.0.0)
    package322 (1.0.0)
    package323 (1.0.0)
    package324 (1.0.0)
    package325 (1.0.0)
    package326 (1.0.0)
    package327 (1.0.0)
    package328 (1.0.0)
    package329 (1.0.0)
    package330 (1.0.0)
    package331 (1.0.0)
    package332 (1.0.0)
    package333 (1.0.0)
    package334 (1.0.0)
    package335 (1.0.0)
    package336 (1.0.0)
    package337 (1.0.0)
    package338 (1.0.0)
    package339 (1.0.0)
    package340 (1.0.0)
    package341 (1.0.0)
    package342 (1.0.0)
    package343 (1.0.0)
    package344 (1.0.0)
    package345 (1.0.0)
    package346 (1.0.0)
    package347 (1.0.0)
    package348 (1.0.0)
    package349 (1.0.0)
    package350 (1.0.0)
    package351 (1.0.0)
    package352 (1.0.0)
    package353 (1.0.0)
    package354 (1.0.0)
    package355 (1.0.0)
    package356 (1.0.0)
    package357 (1.0.0)
    package358 (1.0.0)
    package359 (1.0.0)
    package360 (1.0.0)
    package361 (1.0.0)
    package362 (1.0.0)
    package363 (1.0.0)
    package364 (1.0.0)
    package365 (1.0.0)
    package366 (1.0.0)
    package367 (1.0.0)
    package368 (1.0.0)
    package369 (1.0.0)
    package370 (1.0.0)
    package371 (1.0.0)
    package372 (1.0.0)
    package373 (1.0.0)
    package374 (1.0.0)
    package375 (1.0.0)
    package376 (1.0.0)
    package377 (1.0.0)
    package378 (1.0.0)
    package379 (1.0.0)
    package380 (1.0.0)
    package381 (1.0.0)
    package382 (1.0.0)
    package383 (1.0.0)
    package384 (1.0.0)
    package385 (1.0.0)
    package386 (1.0.0)
    package387 (1.0.0)
    package388 (1.0.0)
    package389 (1.0.0)
    package390 (1.0.0)
    package391 (1.0.0)
    package392 (1.0.0)
    package393 (1.0.0)
    package394 (1.0.0)
    package395 (1.0.0)
    package396 (1.0.0)
    package397 (1.0.0)
    package398 (1.0.0)
    package399 (1.0.0)
    package400 (1.0.0)
    package401 (1.0.0)
    package402 (1.0.0)
    package403 (1.0.0)
    package404 (1.0.0)
    package405 (1.0.0)
    package406 (1.0.0)
    package407 (1.0.0)
    package408 (1.0.0)
    package409 (1.0.0)
    package410 (1.0.0)
    package411 (1.0.0)
    package412 (1.0.0)
    package413 (1.0.0)
    package414 (1.0.0)
    package415 (1.0.0)
    package416 (1.0.0)
    package417 (1.0.0)
    package418 (1.0.0)
    package419 (1.0.0)
    package420 (1.0.0)
    package421 (1.0.0)
    package422 (1.0.0)
    package423 (1.0.0)
    package424 (1.0.0)
    package425 (1.0.0)
    package426 (1.0.0)
    package427 (1.0.0)
    package428 (1.0.0)
    package429 (1.0.0)
    package430 (1.0.0)
    package431 (1.0.0)
    package432 (1.0.0)
    package433 (1.0.0)
    package434 (1.0.0)
    package435 (1.0.0)
    package436 (1.0.0)
    package437 (1.0.0)
    package438 (1.0.0)
    package439 (1.0.0)
    package440 (1.0.0)
    package441 (1.0.0)
    package442 (1.0.0)
    package443 (1.0.0)
    package444 (1.0.0)
    package445 (1.0.0)
    package446 (1.0.0)
    package447 (1.0.0)
    package448 (1.0.0)
    package449 (1.0.0)
    package450 (1.0.0)
    package451 (1.0.0)
    package452 (1.0.0)
    package453 (1.0.0)
    package454 (1.0.0)
    package455 (1.0.0)
    package456 (1.0.0)
    package457 (1.0.0)
    package458 (1.0.0)
    package459 (1.0.0)
    package460 (1.0.0)
    package461 (1.0.0)
    package462 (1.0.0)
    package463 (1.0.0)
    package464 (1.0.0)
    package465 (1.0.0)
    package466 (1.0.0)
    package467 (1.0.0)
    package468 (1.0.0)
    package469 (1.0.0)
    package470 (1.0.0)
    package471 (1.0.0)
    package472 (1.0.0)
    package473 (1.0.0)
    package474 (1.0.0)
    package475 (1.0.0)
    package476 (1.0.0)
    package477 (1.0.0)
    package478 (1.0.0)
    package479 (1.0.0)
    package480 (1.0.0)
    package481 (1.0.0)
    package482 (1.0.0)
    package483 (1.0.0)
    package484 (1.0.0)
    package485 (1.0.0)
    package486 (1.0.0)
    package487 (1.0.0)
    package488 (1.0.0)
    package489 (1.0.0)
    package490 (1.0.0)
    package491 (1.0.0)
    package492 (1.0.0)
    package493 (1.0.0)
    package494 (1.0.0)
    package495 (1.0.0)
    package496 (1.0.0)
    package497 (1.0.0)
    package498 (1.0.0)
    package499 (1.0.0)
    package500 (1.0.0)
    package501 (1.0.0)
    package502 (1.0.0)
    package503 (1.0.0)
    package504 (1.0.0)
    package505 (1.0.0)
    package506 (1.0.0)
    package507 (1.0.0)
    package508 (1.0.0)
    package509 (1.0.0)
    package510 (1.0.0)
    package511 (1.0.0)
    package512 (1.0.0)
    package513 (1.0.0)
    package514 (1.0.0)
    package515 (1.0.0)
    package516 (1.0.0)
    package517 (1.0.0)
    package518 (1.0.0)
    package519 (1.0.0)
    package520 (1.0.0)
    package521 (1.0.0)
    package522 (1.0.0)
    package523 (1.0.0)
    package524 (1.0.0)
    package525 (1.0.0)
    package526 (1.0.0)
    package527 (1.0.0)
    package528 (1.0.0)
    package529 (1.0.0)
    package530 (1.0.0)
    package531 (1.0.0)
    package532 (1.0.0)
    package533 (1.0.0)
    package534 (1.0.0)
    package535 (1.0.0)
    package536 (1.0.0)
    package537 (1.0.0)
    package538 (1.0.0)
    package539 (1.0.0)
    package540 (1.0.0)
    package541 (1.0.0)
    package542 (1.0.0)
    package543 (1.0.0)
    package544 (1.0.0)
    package545 (1.0.0)
    package546 (1.0.0)
    package547 (1.0.0)
    package548 (1.0.0)
    package549 (1.0.0)
    package550 (1.0.0)
    package551 (1.0.0)
    package552 (1.0.0)
    package553 (1.0.0)
    package554 (1.0.0)
    package555 (1.0.0)
    package556 (1.0.0)
    package557 (1.0.0)
    package558 (1.0.0)
    package559 (1.0.0)
    package560 (1.0.0)
    package561 (1.0.0)
    package562 (1.0.0)
    package563 (1.0.0)
    package564 (1.0.0)
    package565 (1.0.0)
    package566 (1.0.0)
    package567 (1.0.0)
    package568 (1.0.0)
    package569 (1.0.0)
    package570 (1.0.0)
    package571 (1.0.0)
    package572 (1.0.0)
    package573 (1.0.0)
    package574 (1.0.0)
    package575 (1.0.0)
    package576 (1.0.0)
    package577 (1.0.0)
    package578 (1.0.0)
    package579 (1.0.0)
    package580 (1.0.0)
    package581 (1.0.0)
    package582 (1.0.0)
    package583 (1.0.0)
    package584 (1.0.0)
    package585 (1.0.0)
    package586 (1.0.0)
    package587 (1.0.0)
    package588 (1.0.0)
    package589 (1.0.0)
    package590 (1.0.0)
    package591 (1.0.0)
    package592 (1.0.0)
    package593 (1.0.0)
    package594 (1.0.0)
    package595 (1.0.0)
    package596 (1.0.0)
    package597 (1.0.0)
    package598 (1.0.0)
    package599 (1.0.0)
    package600 (1.0.0)
    package601 (1.0.0)
    package602 (1.0.0)
    package603 (1.0.0)
    package604 (1.0.0)
    package605 (1.0.0)
    package606 (1.0.0)
    package607 (1.0.0)
    package608 (1.0.0)
    package609 (1.0.0)
    package610 (1.0.0)
    package611 (1.0.0)
    package612 (1.0.0)
    package613 (1.0.0)
    package614 (1.0.0)
    package615 (1.0.0)
    package616 (1.0.0)
    package617 (1.0.0)
    package618 (1.0.0)
    package619 (1.0.0)
    package620 (1.0.0)
    package621 (1.0.0)
    package622 (1.0.0)
    package623 (1.0.0)
    package624 (1.0.0)
    package625 (1.0.0)
    package626 (1.0.0)
    package627 (1.0.0)
    package628 (1.0.0)
    package629 (1.0.0)
    package630 (1.0.0)
    package631 (1.0.0)
    package632 (1.0.0)
    package633 (1.0.0)
    package634 (1.0.0)
    package635 (1.0.0)
    package636 (1.0.0)
    package637 (1.0.0)
    package638 (1.0.0)
    package639 (1.0.0)
    package640 (1.0.0)
    package641 (1.0.0)
    package642 (1.0.0)
    package643 (1.0.0)
    package644 (1.0.0)
    package645 (1.0.0)
    package646 (1.0.0)
    package647 (1.0.0)
    package648 (1.0.0)
    package649 (1.0.0)
    package650 (1.0.0)
    package651 (1.0.0)
    package652 (1.0.0)
    package653 (1.0.0)
    package654 (1.0.0)
    package655 (1.0.0)
    package656 (1.0.0)
    package657 (1.0.0)
    package658 (1.0.0)
    package659 (1.0.0)
    package660 (1.0.0)
    package661 (1.0.0)
    package662 (1.0.0)
    package663 (1.0.0)
    package664 (1.0.0)
    package665 (1.0.0)
    package666 (1.0.0)
    package667 (1.0.0)
    package668 (1.0.0)
    package669 (1.0.0)
    package670 (1.0.0)
    package671 (1.0.0)
    package672 (1.0.0)
    package673 (1.0.0)
    package674 (1.0.0)
    package675 (1.0.0)
    package676 (1.0.0)
    package677 (1.0.0)
    package678 (1.0.0)
    package679 (1.0.0)
    package680 (1.0.0)
    package681 (1.0.0)
    package682 (1.0.0)
    package683 (1.0.0)
    package684 (1.0.0)
    package685 (1.0.0)
    package686 (1.0.0)
    package687 (1.0.0)
    package688 (1.0.0)
    package689 (1.0.0)
    package690 (1.0.0)
    package691 (1.0.0)
    package692 (1.0.0)
    package693 (1.0.0)
    package694 (1.0.0)
    package695 (1.0.0)
    package696 (1.0.0)
    package697 (1.0.0)
    package698 (1.0.0)
    package699 (1.0.0)
    package700 (1.0.0)
    package701 (1.0.0)
    package702 (1.0.0)
    package703 (1.0.0)
    package704 (1.0.0)
    package705 (1.0.0)
    package706 (1.0.0)
    package707 (1.0.0)
    package708 (1.0.0)
    package709 (1.0.0)
    package710 (1.0.0)
    package711 (1.0.0)
    package712 (1.0.0)
    package713 (1.0.0)
    package714 (1.0.0)
    package715 (1.0.0)
    package716 (1.0.0)
    package717 (1.0.0)
    package718 (1.0.0)
    package719 (1.0.0)
    package720 (1.0.0)
    package721 (1.0.0)
    package722 (1.0.0)
    package723 (1.0.0)
    package724 (1.0.0)
    package725 (1.0.0)
    package726 (1.0.0)
    package727 (1.0.0)
    package728 (1.0.0)
    package729 (1.0.0)
    package730 (1.0.0)
    package731 (1.0.0)
    package732 (1.0.0)
    package733 (1.0.0)
    package734 (1.0.0)
    package735 (1.0.0)
    package736 (1.0.0)
    package737 (1.0.0)
    package738 (1.0.0)
    package739 (1.0.0)
    package740 (1.0.0)
    package741 (1.0.0)
    package742 (1.0.0)
    package743 (1.0.0)
    package744 (1.0.0)
    package745 (1.0.0)
    package746 (1.0.0)
    package747 (1.0.0)
    package748 (1.0.0)
    package749 (1.0.0)
    package750 (1.0.0)
    package751 (1.0.0)
    package752 (1.0.0)
    package753 (1.0.0)
    package754 (1.0.0)
    package755 (1.0.0)
    package756 (1.0.0)
    package757 (1.0.0)
    package758 (1.0.0)
    package759 (1.0.0)
    package760 (1.0.0)
    package761 (1.0.0)
    package762 (1.0.0)
    package763 (1.0.0)
    package764 (1.0.0)
    package765 (1.0.0)
    package766 (1.0.0)
    package767 (1.0.0)
    package768 (1.0.0)
    package769 (1.0.0)
    package770 (1.0.0)
    package771 (1.0.0)
    package772 (1.0.0)
    package773 (1.0.0)
    package774 (1.0.0)
    package775 (1.0.0)
    package776 (1.0.0)
    package777 (1.0.0)
    package778 (1.0.0)
    package779 (1.0.0)
    package780 (1.0.0)
    package781 (1.0.0)
    package782 (1.0.0)
    package783 (1.0.0)
    package784 (1.0.0)
    package785 (1.0.0)
    package786 (1.0.0)
    package787 (1.0.0)
    package788 (1.0.0)
    package789 (1.0.0)
    package790 (1.0.0)
    package791 (1.0.0)
    package792 (1.0.0)
    package793 (1.0.0)
    package794 (1.0.0)
    package795 (1.0.0)
    package796 (1.0.0)
    package797 (1.0.0)
    package798 (1.0.0)
    package799 (1.0.0)
    package800 (1.0.0)
    package801 (1.0.0)
    package802 (1.0.0)
    package803 (1.0.0)
    package804 (1.0.0)
    package805 (1.0.0)
    package806 (1.0.0)
    package807 (1.0.0)
    package808 (1.0.0)
    package809 (1.0.0)
    package810 (1.0.0)
    package811 (1.0.0)
    package812 (1.0.0)
    package813 (1.0.0)
    package814 (1.0.0)
    package815 (1.0.0)
    package816 (1.0.0)
    package817 (1.0.0)
    package818 (1.0.0)
    package819 (1.0.0)
    package820 (1.0.0)
    package821 (1.0.0)
    package822 (1.0.0)
    package823 (1.0.0)
    package824 (1.0.0)
    package825 (1.0.0)
    package826 (1.0.0)
    package827 (1.0.0)
    package828 (1.0.0)
    package829 (1.0.0)
    package830 (1.0.0)
    package831 (1.0.0)
    package832 (1.0.0)
    package833 (1.0.0)
    package834 (1.0.0)
    package835 (1.0.0)
    package836 (1.0.0)
    package837 (1.0.0)
    package838 (1.0.0)
    package839 (1.0.0)
    package840 (1.0.0)
    package841 (1.0.0)
    package842 (1.0.0)
    package843 (1.0.0)
    package844 (1.0.0)
    package845 (1.0.0)
    package846 (1.0.0)
    package847 (1.0.0)
    package848 (1.0.0)
    package849 (1.0.0)
    package850 (1.0.0)
    package851 (1.0.0)
    package852 (1.0.0)
    package853 (1.0.0)
    package854 (1.0.0)
    package855 (1.0.0)
    package856 (1.0.0)
    package857 (1.0.0)
    package858 (1.0.0)
    package859 (1.0.0)
    package860 (1.0.0)
    package861 (1.0.0)
    package862 (1.0.0)
    package863 (1.0.0)
    package864 (1.0.0)
    package865 (1.0.0)
    package866 (1.0.0)
    package867 (1.0.0)
    package868 (1.0.0)
    package869 (1.0.0)
    package870 (1.0.0)
    package871 (1.0.0)
    package872 (1.0.0)
    package873 (1.0.0)
    package874 (1.0.0)
    package875 (1.0.0)
    package876 (1.0.0)
    package877 (1.0.0)
    package878 (1.0.0)
    package879 (1.0.0)
    package880 (1.0.0)
    package881 (1.0.0)
    package882 (1.0.0)
    package883 (1.0.0)
    package884 (1.0.0)
    package885 (1.0.0)
    package886 (1.0.0)
    package887 (1.0.0)
    package888 (1.0.0)
    package889 (1.0.0)
    package890 (1.0.0)
    package891 (1.0.0)
    package892 (1.0.0)
    package893 (1.0.0)
    package894 (1.0.0)
    package895 (1.0.0)
    package896 (1.0.0)
    package897 (1.0.0)
    package898 (1.0.0)
    package899 (1.0.0)
    package900 (1.0.0)
    package901 (1.0.0)
    package902 (1.0.0)
    package903 (1.0.0)
    package904 (1.0.0)
    package905 (1.0.0)
    package906 (1.0.0)
    package907 (1.0.0)
    package908 (1.0.0)
    package909 (1.0.0)
    package910 (1.0.0)
    package911 (1.0.0)
    package912 (1.0.0)
    package913 (1.0.0)
    package914 (1.0.0)
    package915 (1.0.0)
    package916 (1.0.0)
    package917 (1.0.0)
    package918 (1.0.0)
    package919 (1.0.0)
    package920 (1.0.0)
    package921 (1.0.0)
    package922 (1.0.0)
    package923 (1.0.0)
    package924 (1.0.0)
    package925 (1.0.0)
    package926 (1.0.0)
    package927 (1.0.0)
    package928 (1.0.0)
    package929 (1.0.0)
    package930 (1.0.0)
    package931 (1.0.0)
    package932 (1.0.0)
    package933 (1.0.0)
    package934 (1.0.0)
    package935 (1.0.0)
    package936 (1.0.0)
    package937 (1.0.0)
    package938 (1.0.0)
    package939 (1.0.0)
    package940 (1.0.0)
    package941 (1.0.0)
    package942 (1.0.0)
    package943 (1.0.0)
    package944 (1.0.0)
    package945 (1.0.0)
    package946 (1.0.0)
    package947 (1.0.0)
    package948 (1.0.0)
    package949 (1.0.0)
    package950 (1.0.0)
    package951 (1.0.0)
    package952 (1.0.0)
    package953 (1.0.0)
    package954 (1.0.0)
    package955 (1.0.0)
    package956 (1.0.0)
    package957 (1.0.0)
    package958 (1.0.0)
    package959 (1.0.0)
    package960 (1.0.0)
    package961 (1.0.0)
    package962 (1.0.0)
    package963 (1.0.0)
    package964 (1.0.0)
    package965 (1.0.0)
    package966 (1.0.0)
    package967 (1.0.0)
    package968 (1.0.0)
    package969 (1.0.0)
    package970 (1.0.0)
    package971 (1.0.0)
    package972 (1.0.0)
    package973 (1.0.0)
    package974 (1.0.0)
    package975 (1.0.0)
    package976 (1.0.0)
    package977 (1.0.0)
    package978 (1.0.0)
    package979 (1.0.0)
    package980 (1.0.0)
    package981 (1.0.0)
    package982 (1.0.0)
    package983 (1.0.0)
    package984 (1.0.0)
    package985 (1.0.0)
    package986 (1.0.0)
    package987 (1.0.0)
    package988 (1.0.0)
    package989 (1.0.0)
    package990 (1.0.0)
    package991 (1.0.0)
    package992 (1.0.0)
    package993 (1.0.0)
    package994 (1.0.0)
    package995 (1.0.0)
    package996 (1.0.0)
    package997 (1.0.0)
    package998 (1.0.0)
    package999 (1.0.0)
    package1000 (1.0.0)
    package1001 (1.0.0)
    package1002 (1.0.0)
    package1003 (1.0.0)
    package1004 (1.0.0)
    package1005 (1.0.0)
    package1006 (1.0.0)
    package1007 (1.0.0)
    package1008 (1.0.0)
    package1009 (1.0.0)
    package1010 (1.0.0)
    package1011 (1.0.0)
    package1012 (1.0.0)
    package1013 (1.0.0)
    package1014 (1.0.0)
    package1015 (1.0.0)
    package1016 (1.0.0)
    package1017 (1.0.0)
    package1018 (1.0.0)
    package1019 (1.0.0)
    package1020 (1.0.0)
    package1021 (1.0.0)
    package1022 (1.0.0)
    package1023 (1.0.0)
    package1024 (1.0.0)
    package1025 (1.0.0)
    package1026 (1.0.0)
    package1027 (1.0.0)
    package1028 (1.0.0)
    package1029 (1.0.0)
    package1030 (1.0.0)
    package1031 (1.0.0)
    package1032 (1.0.0)
    package1033 (1.0.0)
    package1034 (1.0.0)
    package1035 (1.0.0)
    package1036 (1.0.0)
    package1037 (1.0.0)
    package1038 (1.0.0)
    package1039 (1.0.0)
    package1040 (1.0.0)
    package1041 (1.0.0)
    package1042 (1.0.0)
    package1043 (1.0.0)
    package1044 (1.0.0)
    package1045 (1.0.0)
    package1046 (1.0.0)
    package1047 (1.0.0)
    package1048 (1.0.0)
    package1049 (1.0.0)
    package1050 (1.0.0)
    package1051 (1.0.0)
    package1052 (1.0.0)
    package1053 (1.0.0)
    package1054 (1.0.0)
    package1055 (1.0.0)
    package1056 (1.0.0)
    package1057 (1.0.0)
    package1058 (1.0.0)
    package1059 (1.0.0)
    package1060 (1.0.0)
    package1061 (1.0.0)
    package1062 (1.0.0)
    package1063 (1.0.0)
    package1064 (1.0.0)
    package1065 (1.0.0)
    package1066 (1.0.0)
    package1067 (1.0.0)
    package1068 (1.0.0)
    package1069 (1.0.0)
    package1070 (1.0.0)
    package1071 (1.0.0)
    package1072 (1.0.0)
    package1073 (1.0.0)
    package1074 (1.0.0)
    package1075 (1.0.0)
    package1076 (1.0.0)
    package1077 (1.0.0)
    package1078 (1.0.0)
    package1079 (1.0.0)
    package1080 (1.0.0)
    package1081 (1.0.0)
    package1082 (1.0.0)
    package1083 (1.0.0)
    package1084 (1.0.0)
    package1085 (1.0.0)
    package1086 (1.0.0)
    package1087 (1.0.0)
    package1088 (1.0.0)
    package1089 (1.0.0)
    package1090 (1.0.0)
    package1091 (1.0.0)
    package1092 (1.0.0)
    package1093 (1.0.0)
    package1094 (1.0.0)
    package1095 (1.0.0)
    package1096 (1.0.0)
    package1097 (1.0.0)
    package1098 (1.0.0)
    package1099 (1.0.0)
    package1100 (1.0.0)
    package1101 (1.0.0)
    package1102 (1.0.0)
    package1103 (1.0.0)
    package1104 (1.0.0)
    package1105 (1.0.0)
    package1106 (1.0.0)
    package1107 (1.0.0)
    package1108 (1.0.0)
    package1109 (1.0.0)
    package1110 (1.0.0)
    package1111 (1.0.0)
    package1112 (1.0.0)
    package1113 (1.0.0)
    package1114 (1.0.0)
    package1115 (1.0.0)
    package1116 (1.0.0)
    package1117 (1.0.0)
    package1118 (1.0.0)
    package1119 (1.0.0)
    package1120 (1.0.0)
    package1121 (1.0.0)
    package1122 (1.0.0)
    package1123 (1.0.0)
    package1124 (1.0.0)
    package1125 (1.0.0)
    package1126 (1.0.0)
    package1127 (1.0.0)
    package1128 (1.0.0)
    package1129 (1.0.0)
    package1130 (1.0.0)
    package1131 (1.0.0)
    package1132 (1.0.0)
    package1133 (1.0.0)
    package1134 (1.0.0)
    package1135 (1.0.0)
    package1136 (1.0.0)
    package1137 (1.0.0)
    package1138 (1.0.0)
    package1139 (1.0.0)
    package1140 (1.0.0)
    package1141 (1.0.0)
    package1142 (1.0.0)
    package1143 (1.0.0)
    package1144 (1.0.0)
    package1145 (1.0.0)
    package1146 (1.0.0)
    package1147 (1.0.0)
    package1148 (1.0.0)
    package1149 (1.0.0)
    package1150 (1.0.0)
    package1151 (1.0.0)
    package1152 (1.0.0)
    package1153 (1.0.0)
    package1154 (1.0.0)
    package1155 (1.0.0)
    package1156 (1.0.0)
    package1157 (1.0.0)
    package1158 (1.0.0)
    package1159 (1.0.0)
    package1160 (1.0.0)
    package1161 (1.0.0)
    package1162 (1.0.0)
    package1163 (1.0.0)
    package1164 (1.0.0)
    package1165 (1.0.0)
    package1166 (1.0.0)
    package1167 (1.0.0)
    package1168 (1.0.0)
    package1169 (1.0.0)
    package1170 (1.0.0)
    package1171 (1.0.0)
    package1172 (1.0.0)
    package1173 (1.0.0)
    package1174 (1.0.0)
    package1175 (1.0.0)
    package1176 (1.0.0)
    package1177 (1.0.0)
    package1178 (1.0.0)
    package1179 (1.0.0)
    package1180 (1.0.0)
    package1181 (1.0.0)
    package1182 (1.0.0)
    package1183 (1.0.0)
    package1184 (1.0.0)
    package1185 (1.0.0)
    package1186 (1.0.0)
    package1187 (1.0.0)
    package1188 (1.0.0)
    package1189 (1.0.0)
    package1190 (1.0.0)
    package1191 (1.0.0)
    package1192 (1.0.0)
    package1193 (1.0.0)
    package1194 (1.0.0)
    package1195 (1.0.0)
    package1196 (1.0.0)
    package1197 (1.0.0)
    package1198 (1.0.0)
    package1199 (1.0.0)
    package1200 (1.0.0)
    package1201 (1.0.0)
    package1202 (1.0.0)
    package1203 (1.0.0)
    package1204 (1.0.0)
    package1205 (1.0.0)
    package1206 (1.0.0)
    package1207 (1.0.0)
    package1208 (1.0.0)
    package1209 (1.0.0)
    package1210 (1.0.0)
    package1211 (1.0.0)
    package1212 (1.0.0)
    package1213 (1.0.0)
    package1214 (1.0.0)
    package1215 (1.0.0)
    package1216 (1.0.0)
    package1217 (1.0.0)
    package1218 (1.0.0)
    package1219 (1.0.0)
    package1220 (1.0.0)
    package1221 (1.0.0)
    package1222 (1.0.0)
    package1223 (1.0.0)
    package1224 (1.0.0)
    package1225 (1.0.0)
    package1226 (1.0.0)
    package1227 (1.0.0)
    package1228 (1.0.0)
    package1229 (1.0.0)
    package1230 (1.0.0)
    package1231 (1.0.0)
    package1232 (1.0.0)
    package1233 (1.0.0)
    package1234 (1.0.0)
    package1235 (1.0.0)
    package1236 (1.0.0)
    package1237 (1.0.0)
    package1238 (1.0.0)
    package1239 (1.0.0)
    package1240 (1.0.0)
    package1241 (1.0.0)
    package1242 (1.0.0)
    package1243 (1.0.0)
    package1244 (1.0.0)
    package1245 (1.0.0)
    package1246 (1.0.0)
    package1247 (1.0.0)
    package1248 (1.0.0)
    package1249 (1.0.0)
    package1250 (1.0.0)
    package1251 (1.0.0)
    package1252 (1.0.0)
    package1253 (1.0.0)
    package1254 (1.0.0)
    package1255 (1.0.0)
    package1256 (1.0.0)
    package1257 (1.0.0)
    package1258 (1.0.0)
    package1259 (1.0.0)
    package1260 (1.0.0)
    package1261 (1.0.0)
    package1262 (1.0.0)
    package1263 (1.0.0)
    package1264 (1.0.0)
    package1265 (1.0.0)
    package1266 (1.0.0)
    package1267 (1.0.0)
    package1268 (1.0.0)
    package1269 (1.0.0)
    package1270 (1.0.0)
    package1271 (1.0.0)
    package1272 (1.0.0)
    package1273 (1.0.0)
    package1274 (1.0.0)
    package1275 (1.0.0)
    package1276 (1.0.0)
    package1277 (1.0.0)
    package1278 (1.0.0)
    package1279 (1.0.0)
    package1280 (1.0.0)
    package1281 (1.0.0)
    package1282 (1.0.0)
    package1283 (1.0.0)
    package1284 (1.0.0)
    package1285 (1.0.0)
    package1286 (1.0.0)
    package1287 (1.0.0)
    package1288 (1.0.0)
    package1289 (1.0.0)
    package1290 (1.0.0)
    package1291 (1.0.0)
    package1292 (1.0.0)
    package1293 (1.0.0)
    package1294 (1.0.0)
    package1295 (1.0.0)
    package1296 (1.0.0)
    package1297 (1.0.0)
    package1298 (1.0.0)
    package1299 (1.0.0)
    package1300 (1.0.0)
    package1301 (1.0.0)
    package1302 (1.0.0)
    package1303 (1.0.0)
    package1304 (1.0.0)
    package1305 (1.0.0)
    package1306 (1.0.0)
    package1307 (1.0.0)
    package1308 (1.0.0)
    package1309 (1.0.0)
    package1310 (1.0.0)
    package1311 (1.0.0)
    package1312 (1.0.0)
    package1313 (1.0.0)
    package1314 (1.0.0)
    package1315 (1.0.0)
    package1316 (1.0.0)
    package1317 (1.0.0)
    package1318 (1.0.0)
    package1319 (1.0.0)
    package1320 (1.0.0)
    package1321 (1.0.0)
    package1322 (1.0.0)
    package1323 (1.0.0)
    package1324 (1.0.0)
    package1325 (1.0.0)
    package1326 (1.0.0)
    package1327 (1.0.0)
    package1328 (1.0.0)
    package1329 (1.0.0)
    package1330 (1.0.0)
    package1331 (1.0.0)
    package1332 (1.0.0)
    package1333 (1.0.0)
    package1334 (1.0.0)
    package1335 (1.0.0)
    package1336 (1.0.0)
    package1337 (1.0.0)
    package1338 (1.0.0)
    package1339 (1.0.0)
    package1340 (1.0.0)
    package1341 (1.0.0)
    package1342 (1.0.0)
    package1343 (1.0.0)
    package1344 (1.0.0)
    package1345 (1.0.0)
    package1346 (1.0.0)
    package1347 (1.0.0)
    package1348 (1.0.0)
    package1349 (1.0.0)
    package1350 (1.0.0)
    package1351 (1.0.0)
    package1352 (1.0.0)
    package1353 (1.0.0)
    package1354 (1.0.0)
    package1355 (1.0.0)
    package1356 (1.0.0)
    package1357 (1.0.0)
    package1358 (1.0.0)
    package1359 (1.0.0)
    package1360 (1.0.0)
    package1361 (1.0.0)
    package1362 (1.0.0)
    package1363 (1.0.0)
    package1364 (1.0.0)
    package1365 (1.0.0)
    package1366 (1.0.0)
    package1367 (1.0.0)
    package1368 (1.0.0)
    package1369 (1.0.0)
    package1370 (1.0.0)
    package1371 (1.0.0)
    package1372 (1.0.0)
    package1373 (1.0.0)
    package1374 (1.0.0)
    package1375 (1.0.0)
    package1376 (1.0.0)
    package1377 (1.0.0)
    package1378 (1.0.0)
    package1379 (1.0.0)
    package1380 (1.0.0)
    package1381 (1.0.0)
    package1382 (1.0.0)
    package1383 (1.0.0)
    package1384 (1.0.0)
    package1385 (1.0.0)
    package1386 (1.0.0)
    package1387 (1.0.0)
    package1388 (1.0.0)
    package1389 (1.0.0)
    package1390 (1.0.0)
    package1391 (1.0.0)
    package1392 (1.0.0)
    package1393 (1.0.0)
    package1394 (1.0.0)
    package1395 (1.0.0)
    package1396 (1.0.0)
    package1397 (1.0.0)
    package1398 (1.0.0)
    package1399 (1.0.0)
    package1400 (1.0.0)
    package1401 (1.0.0)
    package1402 (1.0.0)
    package1403 (1.0.0)
    package1404 (1.0.0)
    package1405 (1.0.0)
    package1406 (1.0.0)
    package1407 (1.0.0)
    package1408 (1.0.0)
    package1409 (1.0.0)
    package1410 (1.0.0)
    package1411 (1.0.0)
    package1412 (1.0.0)
    package1413 (1.0.0)
    package1414 (1.0.0)
    package1415 (1.0.0)
    package1416 (1.0.0)
    package1417 (1.0.0)
    package1418 (1.0.0)
    package1419 (1.0.0)
    package1420 (1.0.0)
    package1421 (1.0.0)
    package1422 (1.0.0)
    package1423 (1.0.0)
    package1424 (1.0.0)
    package1425 (1.0.0)
    package1426 (1.0.0)
    package1427 (1.0.0)
    package1428 (1.0.0)
    package1429 (1.0.0)
    package1430 (1.0.0)
    package1431 (1.0.0)
    package1432 (1.0.0)
    package1433 (1.0.0)
    package1434 (1.0.0)
    package1435 (1.0.0)
    package1436 (1.0.0)
    package1437 (1.0.0)
    package1438 (1.0.0)
    package1439 (1.0.0)
    package1440 (1.0.0)
    package1441 (1.0.0)
    package1442 (1.0.0)
    package1443 (1.0.0)
    package1444 (1.0.0)
    package1445 (1.0.0)
    package1446 (1.0.0)
    package1447 (1.0.0)
    package1448 (1.0.0)
    package1449 (1.0.0)
    package1450 (1.0.0)
    package1451 (1.0.0)
    package1452 (1.0.0)
    package1453 (1.0.0)
    package1454 (1.0.0)
    package1455 (1.0.0)
    package1456 (1.0.0)
    package1457 (1.0.0)
    package1458 (1.0.0)
    package1459 (1.0.0)
    package1460 (1.0.0)
    package1461 (1.0.0)
    package1462 (1.0.0)
    package1463 (1.0.0)
    package1464 (1.0.0)
    package1465 (1.0.0)
    package1466 (1.0.0)
    package1467 (1.0.0)
    package1468 (1.0.0)
    package1469 (1.0.0)
    package1470 (1.0.0)
    package1471 (1.0.0)
    package1472 (1.0.0)
    package1473 (1.0.0)
    package1474 (1.0.0)
    package1475 (1.0.0)
    package1476 (1.0.0)
    package1477 (1.0.0)
    package1478 (1.0.0)
    package1479 (1.0.0)
    package1480 (1.0.0)
    package1481 (1.0.0)
    package1482 (1.0.0)
    package1483 (1.0.0)
    package1484 (1.0.0)
    package1485 (1.0.0)
    package1486 (1.0.0)
    package1487 (1.0.0)
    package1488 (1.0.0)
    package1489 (1.0.0)
    package1490 (1.0.0)
    package1491 (1.0.0)
    package1492 (1.0.0)
    package1493 (1.0.0)
    package1494 (1.0.0)
    package1495 (1.0.0)
    package1496 (1.0.0)
    package1497 (1.0.0)
    package1498 (1.0.0)
    package1499 (1.0.0)
    package1500 (1.0.0)
    package1501 (1.0.0)
    package1502 (1.0.0)
    package1503 (1.0.0)
    package1504 (1.0.0)
    package1505 (1.0.0)
    package1506 (1.0.0)
    package1507 (1.0.0)
    package1508 (1.0.0)
    package1509 (1.0.0)
    package1510 (1.0.0)
    package1511 (1.0.0)
    package1512 (1.0.0)
    package1513 (1.0.0)
    package1514 (1.0.0)
    package1515 (1.0.0)
    package1516 (1.0.0)
    package1517 (1.0.0)
    package1518 (1.0.0)
    package1519 (1.0.0)
    package1520 (1.0.0)
    package1521 (1.0.0)
    package1522 (1.0.0)
    package1523 (1.0.0)
    package1524 (1.0.0)
    package1525 (1.0.0)
    package1526 (1.0.0)
    package1527 (1.0.0)
    package1528 (1.0.0)
    package1529 (1.0.0)
    package1530 (1.0.0)
    package1531 (1.0.0)
    package1532 (1.0.0)
    package1533 (1.0.0)
    package1534 (1.0.0)
    package1535 (1.0.0)
    package1536 (1.0.0)
    package1537 (1.0.0)
    package1538 (1.0.0)
    package1539 (1.0.0)
    package1540 (1.0.0)
    package1541 (1.0.0)
    package1542 (1.0.0)
    package1543 (1.0.0)
    package1544 (1.0.0)
    package1545 (1.0.0)
    package1546 (1.0.0)
    package1547 (1.0.0)
    package1548 (1.0.0)
    package1549 (1.0.0)
    package1550 (1.0.0)
    package1551 (1.0.0)
    package1552 (1.0.0)
    package1553 (1.0.0)
    package1554 (1.0.0)
    package1555 (1.0.0)
    package1556 (1.0.0)
    package1557 (1.0.0)
    package1558 (1.0.0)
    package1559 (1.0.0)
    package1560 (1.0.0)
    package1561 (1.0.0)
    package1562 (1.0.0)
    package1563 (1.0.0)
    package1564 (1.0.0)
    package1565 (1.0.0)
    package1566 (1.0.0)
    package1567 (1.0.0)
    package1568 (1.0.0)
    package1569 (1.0.0)
    package1570 (1.0.0)
    package1571 (1.0.0)
    package1572 (1.0.0)
    package1573 (1.0.0)
    package1574 (1.0.0)
    package1575 (1.0.0)
    package1576 (1.0.0)
    package1577 (1.0.0)
    package1578 (1.0.0)
    package1579 (1.0.0)
    package1580 (1.0.0)
    package1581 (1.0.0)
    package1582 (1.0.0)
    package1583 (1.0.0)
    package1584 (1.0.0)
    package1585 (1.0.0)
    package1586 (1.0.0)
    package1587 (1.0.0)
    package1588 (1.0.0)
    package1589 (1.0.0)
    package1590 (1.0.0)
    package1591 (1.0.0)
    package1592 (1.0.0)
    package1593 (1.0.0)
    package1594 (1.0.0)
    package1595 (1.0.0)
    package1596 (1.0.0)
    package1597 (1.0.0)
    package1598 (1.0.0)
    package1599 (1.0.0)
    package1600 (1.0.0)
    package1601 (1.0.0)
    package1602 (1.0.0)
    package1603 (1.0.0)
    package1604 (1.0.0)
    package1605 (1.0.0)
    package1606 (1.0.0)
    package1607 (1.0.0)
    package1608 (1.0.0)
    package1609 (1.0.0)
    package1610 (1.0.0)
    package1611 (1.0.0)
    package1612 (1.0.0)
    package1613 (1.0.0)
    package1614 (1.0.0)
    package1615 (1.0.0)
    package1616 (1.0.0)
    package1617 (1.0.0)
    package1618 (1.0.0)
    package1619 (1.0.0)
    package1620 (1.0.0)
    package1621 (1.0.0)
    package1622 (1.0.0)
    package1623 (1.0.0)
    package1624 (1.0.0)
    package1625 (1.0.0)
    package1626 (1.0.0)
    package1627 (1.0.0)
    package1628 (1.0.0)
    package1629 (1.0.0)
    package1630 (1.0.0)
    package1631 (1.0.0)
    package1632 (1.0.0)
    package1633 (1.0.0)
    package1634 (1.0.0)
    package1635 (1.0.0)
    package1636 (1.0.0)
    package1637 (1.0.0)
    package1638 (1.0.0)
    package1639 (1.0.0)
    package1640 (1.0.0)
    package1641 (1.0.0)
    package1642 (1.0.0)
    package1643 (1.0.0)
    package1644 (1.0.0)
    package1645 (1.0.0)
    package1646 (1.0.0)
    package1647 (1.0.0)
    package1648 (1.0.0)
    package1649 (1.0.0)
    package1650 (1.0.0)
    package1651 (1.0.0)
    package1652 (1.0.0)
    package1653 (1.0.0)
    package1654 (1.0.0)
    package1655 (1.0.0)
    package1656 (1.0.0)
    package1657 (1.0.0)
    package1658 (1.0.0)
    package1659 (1.0.0)
    package1660 (1.0.0)
    package1661 (1.0.0)
    package1662 (1.0.0)
    package1663 (1.0.0)
    package1664 (1.0.0)
    package1665 (1.0.0)
    package1666 (1.0.0)
    package1667 (1.0.0)
    package1668 (1.0.0)
    package1669 (1.0.0)
    package1670 (1.0.0)
    package1671 (1.0.0)
    package1672 (1.0.0)
    package1673 (1.0.0)
    package1674 (1.0.0)
    package1675 (1.0.0)
    package1676 (1.0.0)
    package1677 (1.0.0)
    package1678 (1.0.0)
    package1679 (1.0.0)
    package1680 (1.0.0)
    package1681 (1.0.0)
    package1682 (1.0.0)
    package1683 (1.0.0)
    package1684 (1.0.0)
    package1685 (1.0.0)
    package1686 (1.0.0)
    package1687 (1.0.0)
    package1688 (1.0.0)
    package1689 (1.0.0)
    package1690 (1.0.0)
    package1691 (1.0.0)
    package1692 (1.0.0)
    package1693 (1.0.0)
    package1694 (1.0.0)
    package1695 (1.0.0)
    package1696 (1.0.0)
    package1697 (1.0.0)
    package1698 (1.0.0)
    package1699 (1.0.0)
    package1700 (1.0.0)
    package1701 (1.0.0)
    package1702 (1.0.0)
    package1703 (1.0.0)
    package1704 (1.0.0)
    package1705 (1.0.0)
    package1706 (1.0.0)
    package1707 (1.0.0)
    package1708 (1.0.0)
    package1709 (1.0.0)
    package1710 (1.0.0)
    package1711 (1.0.0)
    package1712 (1.0.0)
    package1713 (1.0.0)
    package1714 (1.0.0)
    package1715 (1.0.0)
    package1716 (1.0.0)
    package1717 (1.0.0)
    package1718 (1.0.0)
    package1719 (1.0.0)
    package1720 (1.0.0)
    package1721 (1.0.0)
    package1722 (1.0.0)
    package1723 (1.0.0)
    package1724 (1.0.0)
    package1725 (1.0.0)
    package1726 (1.0.0)
    package1727 (1.0.0)
    package1728 (1.0.0)
    package1729 (1.0.0)
    package1730 (1.0.0)
    package1731 (1.0.0)
    package1732 (1.0.0)
    package1733 (1.0.0)
    package1734 (1.0.0)
    package1735 (1.0.0)
    package1736 (1.0.0)
    package1737 (1.0.0)
    package1738 (1.0.0)
    package1739 (1.0.0)
    package1740 (1.0.0)
    package1741 (1.0.0)
    package1742 (1.0.0)
    package1743 (1.0.0)
    package1744 (1.0.0)
    package1745 (1.0.0)
    package1746 (1.0.0)
    package1747 (1.0.0)
    package1748 (1.0.0)
    package1749 (1.0.0)
    package1750 (1.0.0)
    package1751 (1.0.0)
    package1752 (1.0.0)
    package1753 (1.0.0)
    package1754 (1.0.0)
    package1755 (1.0.0)
    package1756 (1.0.0)
    package1757 (1.0.0)
    package1758 (1.0.0)
    package1759 (1.0.0)
    package1760 (1.0.0)
    package1761 (1.0.0)
    package1762 (1.0.0)
    package1763 (1.0.0)
    package1764 (1.0.0)
    package1765 (1.0.0)
    package1766 (1.0.0)
    package1767 (1.0.0)
    package1768 (1.0.0)
    package1769 (1.0.0)
    package1770 (1.0.0)
    package1771 (1.0.0)
    package1772 (1.0.0)
    package1773 (1.0.0)
    package1774 (1.0.0)
    package1775 (1.0.0)
    package1776 (1.0.0)
    package1777 (1.0.0)
    package1778 (1.0.0)
    package1779 (1.0.0)
    package1780 (1.0.0)
    package1781 (1.0.0)
    package1782 (1.0.0)
    package1783 (1.0.0)
    package1784 (1.0.0)
    package1785 (1.0.0)
    package1786 (1.0.0)
    package1787 (1.0.0)
    package1788 (1.0.0)
    package1789 (1.0.0)
    package1790 (1.0.0)
    package1791 (1.0.0)
    package1792 (1.0.0)
    package1793 (1.0.0)
    package1794 (1.0.0)
    package1795 (1.0.0)
    package1796 (1.0.0)
    package1797 (1.0.0)
    package1798 (1.0.0)
    package1799 (1.0.0)
    package1800 (1.0.0)
    package1801 (1.0.0)
    package1802 (1.0.0)
    package1803 (1.0.0)
    package1804 (1.0.0)
    package1805 (1.0.0)
    package1806 (1.0.0)
    package1807 (1.0.0)
    package1808 (1.0.0)
    package1809 (1.0.0)
    package1810 (1.0.0)
    package1811 (1.0.0)
    package1812 (1.0.0)
    package1813 (1.0.0)
    package1814 (1.0.0)
    package1815 (1.0.0)
    package1816 (1.0.0)
    package1817 (1.0.0)
    package1818 (1.0.0)
    package1819 (1.0.0)
    package1820 (1.0.0)
    package1821 (1.0.0)
    package1822 (1.0.0)
    package1823 (1.0.0)
    package1824 (1.0.0)
    package1825 (1.0.0)
    package1826 (1.0.0)
    package1827 (1.0.0)
    package1828 (1.0.0)
    package1829 (1.0.0)
    package1830 (1.0.0)
    package1831 (1.0.0)
    package1832 (1.0.0)
    package1833 (1.0.0)
    package1834 (1.0.0)
    package1835 (1.0.0)
    package1836 (1.0.0)
    package1837 (1.0.0)
    package1838 (1.0.0)
    package1839 (1.0.0)
    package1840 (1.0.0)
    package1841 (1.0.0)
    package1842 (1.0.0)
    package1843 (1.0.0)
    package1844 (1.0.0)
    package1845 (1.0.0)
    package1846 (1.0.0)
    package1847 (1.0.0)
    package1848 (1.0.0)
    package1849 (1.0.0)
    package1850 (1.0.0)
    package1851 (1.0.0)
    package1852 (1.0.0)
    package1853 (1.0.0)
    package1854 (1.0.0)
    package1855 (1.0.0)
    package1856 (1.0.0)
    package1857 (1.0.0)
    package1858 (1.0.0)
    package1859 (1.0.0)
    package1860 (1.0.0)
    package1861 (1.0.0)
    package1862 (1.0.0)
    package1863 (1.0.0)
    package1864 (1.0.0)
    package1865 (1.0.0)
    package1866 (1.0.0)
    package1867 (1.0.0)
    package1868 (1.0.0)
    package1869 (1.0.0)
    package1870 (1.0.0)
    package1871 (1.0.0)
    package1872 (1.0.0)
    package1873 (1.0.0)
    package1874 (1.0.0)
    package1875 (1.0.0)
    package1876 (1.0.0)
    package1877 (1.0.0)
    package1878 (1.0.0)
    package1879 (1.0.0)
    package1880 (1.0.0)
    package1881 (1.0.0)
    package1882 (1.0.0)
    package1883 (1.0.0)
    package1884 (1.0.0)
    package1885 (1.0.0)
    package1886 (1.0.0)
    package1887 (1.0.0)
    package1888 (1.0.0)
    package1889 (1.0.0)
    package1890 (1.0.0)
    package1891 (1.0.0)
    package1892 (1.0.0)
    package1893 (1.0.0)
    package1894 (1.0.0)
    package1895 (1.0.0)
    package1896 (1.0.0)
    package1897 (1.0.0)
    package1898 (1.0.0)
    package1899 (1.0.0)
    package1900 (1.0.0)
    package1901 (1.0.0)
    package1902 (1.0.0)
    package1903 (1.0.0)
    package1904 (1.0.0)
    package1905 (1.0.0)
    package1906 (1.0.0)
    package1907 (1.0.0)
    package1908 (1.0.0)
    package1909 (1.0.0)
    package1910 (1.0.0)
    package1911 (1.0.0)
    package1912 (1.0.0)
    package1913 (1.0.0)
    package1914 (1.0.0)
    package1915 (1.0.0)
    package1916 (1.0.0)
    package1917 (1.0.0)
    package1918 (1.0.0)
    package1919 (1.0.0)
    package1920 (1.0.0)
    package1921 (1.0.0)
    package1922 (1.0.0)
    package1923 (1.0.0)
    package1924 (1.0.0)
    package1925 (1.0.0)
    package1926 (1.0.0)
    package1927 (1.0.0)
    package1928 (1.0.0)
    package1929 (1.0.0)
    package1930 (1.0.0)
    package1931 (1.0.0)
    package1932 (1.0.0)
    package1933 (1.0.0)
    package1934 (1.0.0)
    package1935 (1.0.0)
    package1936 (1.0.0)
    package1937 (1.0.0)
    package1938 (1.0.0)
    package1939 (1.0.0)
    package1940 (1.0.0)
    package1941 (1.0.0)
    package1942 (1.0.0)
    package1943 (1.0.0)
    package1944 (1.0.0)
    package1945 (1.0.0)
    package1946 (1.0.0)
    package1947 (1.0.0)
    package1948 (1.0.0)
    package1949 (1.0.0)
    package1950 (1.0.0)
    package1951 (1.0.0)
    package1952 (1.0.0)
    package1953 (1.0.0)
    package1954 (1.0.0)
    package1955 (1.0.0)
    package1956 (1.0.0)
    package1957 (1.0.0)
    package1958 (1.0.0)
    package1959 (1.0.0)
    package1960 (1.0.0)
    package1961 (1.0.0)
    package1962 (1.0.0)
    package1963 (1.0.0)
    package1964 (1.0.0)
    package1965 (1.0.0)
    package1966 (1.0.0)
    package1967 (1.0.0)
    package1968 (1.0.0)
    package1969 (1.0.0)
    package1970 (1.0.0)
    package1971 (1.0.0)
    package1972 (1.0.0)
    package1973 (1.0.0)
    package1974 (1.0.0)
    package1975 (1.0.0)
    package1976 (1.0.0)
    package1977 (1.0.0)
    package1978 (1.0.0)
    package1979 (1.0.0)
    package1980 (1.0.0)
    package1981 (1.0.0)
    package1982 (1.0.0)
    package1983 (1.0.0)
    package1984 (1.0.0)
    package1985 (1.0.0)
    package1986 (1.0.0)
    package1987 (1.0.0)
    package1988 (1.0.0)
    package1989 (1.0.0)
    package1990 (1.0.0)
    package1991 (1.0.0)
    package1992 (1.0.0)
    package1993 (1.0.0)
    package1994 (1.0.0)
    package1995 (1.0.0)
    package1996 (1.0.0)
    package1997 (1.0.0)
    package1998 (1.0.0)
    package1999 (1.0.0)
    package2000 (1.0.0)
    package2001 (1.0.0)
    package2002 (1.0.0)
    package2003 (1.0.0)
    package2004 (1.0.0)
    package2005 (1.0.0)
    package2006 (1.0.0)
    package2007 (1.0.0)
    package2008 (1.0.0)
    package2009 (1.0.0)
    package2010 (1.0.0)
    package2011 (1.0.0)
    package2012 (1.0.0)
    package2013 (1.0.0)
    package2014 (1.0.0)
    package2015 (1.0.0)
    package2016 (1.0.0)
    package2017 (1.0.0)
    package2018 (1.0.0)
    package2019 (1.0.0)
    package2020 (1.0.0)
    package2021 (1.0.0)
    package2022 (1.0.0)
    package2023 (1.0.0)
    package2024 (1.0.0)
    package2025 (1.0.0)
    package2026 (1.0.0)
    package2027 (1.0.0)
    package2028 (1.0.0)
    package2029 (1.0.0)
    package2030 (1.0.0)
    package2031 (1.0.0)
    package2032 (1.0.0)
    package2033 (1.0.0)
    package2034 (1.0.0)
    package2035 (1.0.0)
    package2036 (1.0.0)
    package2037 (1.0.0)
    package2038 (1.0.0)
    package2039 (1.0.0)
    package2040 (1.0.0)
    package2041 (1.0.0)
    package2042 (1.0.0)
    package2043 (1.0.0)
    package2044 (1.0.0)
    package2045 (1.0.0)
    package2046 (1.0.0)
    package2047 (1.0.0)
    package2048 (1.0.0)
    package2049 (1.0.0)
    package2050 (1.0.0)
    package2051 (1.0.0)
    package2052 (1.0.0)
    package2053 (1.0.0)
    package2054 (1.0.0)
    package2055 (1.0.0)
    package2056 (1.0.0)
    package2057 (1.0.0)
    package2058 (1.0.0)
    package2059 (1.0.0)
    package2060 (1.0.0)
    package2061 (1.0.0)
    package2062 (1.0.0)
    package2063 (1.0.0)
    package2064 (1.0.0)
    package2065 (1.0.0)
    package2066 (1.0.0)
    package2067 (1.0.0)
    package2068 (1.0.0)
    package2069 (1.0.0)
    package2070 (1.0.0)
    package2071 (1.0.0)
    package2072 (1.0.0)
    package2073 (1.0.0)
    package2074 (1.0.0)
    package2075 (1.0.0)
    package2076 (1.0.0)
    package2077 (1.0.0)
    package2078 (1.0.0)
    package2079 (1.0.0)
    package2080 (1.0.0)
    package2081 (1.0.0)
    package2082 (1.0.0)
    package2083 (1.0.0)
    package2084 (1.0.0)
    package2085 (1.0.0)
    package2086 (1.0.0)
    package2087 (1.0.0)
    package2088 (1.0.0)
    package2089 (1.0.0)
    package2090 (1.0.0)
    package2091 (1.0.0)
    package2092 (1.0.0)
    package2093 (1.0.0)
    package2094 (1.0.0)
    package2095 (1.0.0)
    package2096 (1.0.0)
    package2097 (1.0.0)
    package2098 (1.0.0)
    package2099 (1.0.0)
    package2100 (1.0.0)
    package2101 (1.0.0)
    package2102 (1.0.0)
    package2103 (1.0.0)
    package2104 (1.0.0)
    package2105 (1.0.0)
    package2106 (1.0.0)
    package2107 (1.0.0)
    package2108 (1.0.0)
    package2109 (1.0.0)
    package2110 (1.0.0)
    package2111 (1.0.0)
    package2112 (1.0.0)
    package2113 (1.0.0)
    package2114 (1.0.0)
    package2115 (1.0.0)
    package2116 (1.0.0)
    package2117 (1.0.0)
    package2118 (1.0.0)
    package2119 (1.0.0)
    package2120 (1.0.0)
    package2121 (1.0.0)
    package2122 (1.0.0)
    package2123 (1.0.0)
    package2124 (1.0.0)
    package2125 (1.0.0)
    package2126 (1.0.0)
    package2127 (1.0.0)
    package2128 (1.0.0)
    package2129 (1.0.0)
    package2130 (1.0.0)
    package2131 (1.0.0)
    package2132 (1.0.0)
    package2133 (1.0.0)
    package2134 (1.0.0)
    package2135 (1.0.0)
    package2136 (1.0.0)
    package2137 (1.0.0)
    package2138 (1.0.0)
    package2139 (1.0.0)
    package2140 (1.0.0)
    package2141 (1.0.0)
    package2142 (1.0.0)
    package2143 (1.0.0)
    package2144 (1.0.0)
    package2145 (1.0.0)
    package2146 (1.0.0)
    package2147 (1.0.0)
    package2148 (1.0.0)
    package2149 (1.0.0)
    package2150 (1.0.0)
    package2151 (1.0.0)
    package2152 (1.0.0)
    package2153 (1.0.0)
    package2154 (1.0.0)
    package2155 (1.0.0)
    package2156 (1.0.0)
    package2157 (1.0.0)
    package2158 (1.0.0)
    package2159 (1.0.0)
    package2160 (1.0.0)
    package2161 (1.0.0)
    package2162 (1.0.0)
    package2163 (1.0.0)
    package2164 (1.0.0)
    package2165 (1.0.0)
    package2166 (1.0.0)
    package2167 (1.0.0)
    package2168 (1.0.0)
    package2169 (1.0.0)
    package2170 (1.0.0)
    package2171 (1.0.0)
    package2172 (1.0.0)
    package2173 (1.0.0)
    package2174 (1.0.0)
    package2175 (1.0.0)
    package2176 (1.0.0)
    package2177 (1.0.0)
    package2178 (1.0.0)
    package2179 (1.0.0)
    package2180 (1.0.0)
    package2181 (1.0.0)
    package2182 (1.0.0)
    package2183 (1.0.0)
    package2184 (1.0.0)
    package2185 (1.0.0)
    package2186 (1.0.0)
    package2187 (1.0.0)
    package2188 (1.0.0)
    package2189 (1.0.0)
    package2190 (1.0.0)
    package2191 (1.0.0)
    package2192 (1.0.0)
    package2193 (1.0.0)
    package2194 (1.0.0)
    package2195 (1.0.0)
    package2196 (1.0.0)
    package2197 (1.0.0)
    package2198 (1.0.0)
    package2199 (1.0.0)
    package2200 (1.0.0)
    package2201 (1.0.0)
    package2202 (1.0.0)
    package2203 (1.0.0)
    package2204 (1.0.0)
    package2205 (1.0.0)
    package2206 (1.0.0)
    package2207 (1.0.0)
    package2208 (1.0.0)
    package2209 (1.0.0)
    package2210 (1.0.0)
    package2211 (1.0.0)
    package2212 (1.0.0)
    package2213 (1.0.0)
    package2214 (1.0.0)
    package2215 (1.0.0)
    package2216 (1.0.0)
    package2217 (1.0.0)
    package2218 (1.0.0)
    package2219 (1.0.0)
    package2220 (1.0.0)
    package2221 (1.0.0)
    package2222 (1.0.0)
    package2223 (1.0.0)
    package2224 (1.0.0)
    package2225 (1.0.0)
    package2226 (1.0.0)
    package2227 (1.0.0)
    package2228 (1.0.0)
    package2229 (1.0.0)
    package2230 (1.0.0)
    package2231 (1.0.0)
    package2232 (1.0.0)
    package2233 (1.0.0)
    package2234 (1.0.0)
    package2235 (1.0.0)
    package2236 (1.0.0)
    package2237 (1.0.0)
    package2238 (1.0.0)
    package2239 (1.0.0)
    package2240 (1.0.0)
    package2241 (1.0.0)
    package2242 (1.0.0)
    package2243 (1.0.0)
    package2244 (1.0.0)
    package2245 (1.0.0)
    package2246 (1.0.0)
    package2247 (1.0.0)
    package2248 (1.0.0)
    package2249 (1.0.0)
    package2250 (1.0.0)
    package2251 (1.0.0)
    package2252 (1.0.0)
    package2253 (1.0.0)
    package2254 (1.0.0)
    package2255 (1.0.0)
    package2256 (1.0.0)
    package2257 (1.0.0)
    package2258 (1.0.0)
    package2259 (1.0.0)
    package2260 (1.0.0)
    package2261 (1.0.0)
    package2262 (1.0.0)
    package2263 (1.0.0)
    package2264 (1.0.0)
    package2265 (1.0.0)
    package2266 (1.0.0)
    package2267 (1.0.0)
    package2268 (1.0.0)
    package2269 (1.0.0)
    package2270 (1.0.0)
    package2271 (1.0.0)
    package2272 (1.0.0)
    package2273 (1.0.0)
    package2274 (1.0.0)
    package2275 (1.0.0)
    package2276 (1.0.0)
    package2277 (1.0.0)
    package2278 (1.0.0)
    package2279 (1.0.0)
    package2280 (1.0.0)
    package2281 (1.0.0)
    package2282 (1.0.0)
    package2283 (1.0.0)
    package2284 (1.0.0)
    package2285 (1.0.0)
    package2286 (1.0.0)
    package2287 (1.0.0)
    package2288 (1.0.0)
    package2289 (1.0.0)
    package2290 (1.0.0)
    package2291 (1.0.0)
    package2292 (1.0.0)
    package2293 (1.0.0)
    package2294 (1.0.0)
    package2295 (1.0.0)
    package2296 (1.0.0)
    package2297 (1.0.0)
    package2298 (1.0.0)
    package2299 (1.0.0)
    package2300 (1.0.0)
    package2301 (1.0.0)
    package2302 (1.0.0)
    package2303 (1.0.0)
    package2304 (1.0.0)
    package2305 (1.0.0)
    package2306 (1.0.0)
    package2307 (1.0.0)
    package2308 (1.0.0)
    package2309 (1.0.0)
    package2310 (1.0.0)
    package2311 (1.0.0)
    package2312 (1.0.0)
    package2313 (1.0.0)
    package2314 (1.0.0)
    package2315 (1.0.0)
    package2316 (1.0.0)
    package2317 (1.0.0)
    package2318 (1.0.0)
    package2319 (1.0.0)
    package2320 (1.0.0)
    package2321 (1.0.0)
    package2322 (1.0.0)
    package2323 (1.0.0)
    package2324 (1.0.0)
    package2325 (1.0.0)
    package2326 (1.0.0)
    package2327 (1.0.0)
    package2328 (1.0.0)
    package2329 (1.0.0)
    package2330 (1.0.0)
    package2331 (1.0.0)
    package2332 (1.0.0)
    package2333 (1.0.0)
    package2334 (1.0.0)
    package2335 (1.0.0)
    package2336 (1.0.0)
    package2337 (1.0.0)
    package2338 (1.0.0)
    package2339 (1.0.0)
    package2340 (1.0.0)
    package2341 (1.0.0)
    package2342 (1.0.0)
    package2343 (1.0.0)
    package2344 (1.0.0)
    package2345 (1.0.0)
    package2346 (1.0.0)
    package2347 (1.0.0)
    package2348 (1.0.0)
    package2349 (1.0.0)
    package2350 (1.0.0)
    package2351 (1.0.0)
    package2352 (1.0.0)
    package2353 (1.0.0)
    package2354 (1.0.0)
    package2355 (1.0.0)
    package2356 (1.0.0)
    package2357 (1.0.0)
    package2358 (1.0.0)
    package2359 (1.0.0)
    package2360 (1.0.0)
    package2361 (1.0.0)
    package2362 (1.0.0)
    package2363 (1.0.0)
    package2364 (1.0.0)
    package2365 (1.0.0)
    package2366 (1.0.0)
    package2367 (1.0.0)
    package2368 (1.0.0)
    package2369 (1.0.0)
    package2370 (1.0.0)
    package2371 (1.0.0)
    package2372 (1.0.0)
    package2373 (1.0.0)
    package2374 (1.0.0)
    package2375 (1.0.0)
    package2376 (1.0.0)
    package2377 (1.0.0)
    package2378 (1.0.0)
    package2379 (1.0.0)
    package2380 (1.0.0)
    package2381 (1.0.0)
    package2382 (1.0.0)
    package2383 (1.0.0)
    package2384 (1.0.0)
    package2385 (1.0.0)
    package2386 (1.0.0)
    package2387 (1.0.0)
    package2388 (1.0.0)
    package2389 (1.0.0)
    package2390 (1.0.0)
    package2391 (1.0.0)
    package2392 (1.0.0)
    package2393 (1.0.0)
    package2394 (1.0.0)
    package2395 (1.0.0)
    package2396 (1.0.0)
    package2397 (1.0.0)
    package2398 (1.0.0)
    package2399 (1.0.0)
    package2400 (1.0.0)
    package2401 (1.0.0)
    package2402 (1.0.0)
    package2403 (1.0.0)
    package2404 (1.0.0)
    package2405 (1.0.0)
    package2406 (1.0.0)
    package2407 (1.0.0)
    package2408 (1.0.0)
    package2409 (1.0.0)
    package2410 (1.0.0)
    package2411 (1.0.0)
    package2412 (1.0.0)
    package2413 (1.0.0)
    package2414 (1.0.0)
    package2415 (1.0.0)
    package2416 (1.0.0)
    package2417 (1.0.0)
    package2418 (1.0.0)
    package2419 (1.0.0)
    package2420 (1.0.0)
    package2421 (1.0.0)
    package2422 (1.0.0)
    package2423 (1.0.0)
    package2424 (1.0.0)
    package2425 (1.0.0)
    package2426 (1.0.0)
    package2427 (1.0.0)
    package2428 (1.0.0)
    package2429 (1.0.0)
    package2430 (1.0.0)
    package2431 (1.0.0)
    package2432 (1.0.0)
    package2433 (1.0.0)
    package2434 (1.0.0)
    package2435 (1.0.0)
    package2436 (1.0.0)
    package2437 (1.0.0)
    package2438 (1.0.0)
    package2439 (1.0.0)
    package2440 (1.0.0)
    package2441 (1.0.0)
    package2442 (1.0.0)
    package2443 (1.0.0)
    package2444 (1.0.0)
    package2445 (1.0.0)
    package2446 (1.0.0)
    package2447 (1.0.0)
    package2448 (1.0.0)
    package2449 (1.0.0)
    package2450 (1.0.0)
    package2451 (1.0.0)
    package2452 (1.0.0)
    package2453 (1.0.0)
    package2454 (1.0.0)
    package2455 (1.0.0)
    package2456 (1.0.0)
    package2457 (1.0.0)
    package2458 (1.0.0)
    package2459 (1.0.0)
    package2460 (1.0.0)
    package2461 (1.0.0)
    package2462 (1.0.0)
    package2463 (1.0.0)
    package2464 (1.0.0)
    package2465 (1.0.0)
    package2466 (1.0.0)
    package2467 (1.0.0)
    package2468 (1.0.0)
    package2469 (1.0.0)
    package2470 (1.0.0)
    package2471 (1.0.0)
    package2472 (1.0.0)
    package2473 (1.0.0)
    package2474 (1.0.0)
    package2475 (1.0.0)
    package2476 (1.0.0)
    package2477 (1.0.0)
    package2478 (1.0.0)
    package2479 (1.0.0)
    package2480 (1.0.0)
    package2481 (1.0.0)
    package2482 (1.0.0)
    package2483 (1.0.0)
    package2484 (1.0.0)
    package2485 (1.0.0)
    package2486 (1.0.0)
    package2487 (1.0.0)
    package2488 (1.0.0)
    package2489 (1.0.0)
    package2490 (1.0.0)
    package2491 (1.0.0)
    package2492 (1.0.0)
    package2493 (1.0.0)
    package2494 (1.0.0)
    package2495 (1.0.0)
    package2496 (1.0.0)
    package2497 (1.0.0)
    package2498 (1.0.0)
    package2499 (1.0.0)
    package2500 (1.0.0)
    package2501 (1.0.0)
    package2502 (1.0.0)
    package2503 (1.0.0)
    package2504 (1.0.0)
    package2505 (1.0.0)
    package2506 (1.0.0)
    package2507 (1.0.0)
    package2508 (1.0.0)
    package2509 (1.0.0)
    package2510 (1.0.0)
    package2511 (1.0.0)
    package2512 (1.0.0)
    package2513 (1.0.0)
    package2514 (1.0.0)
    package2515 (1.0.0)
    package2516 (1.0.0)
    package2517 (1.0.0)
    package2518 (1.0.0)
    package2519 (1.0.0)
    package2520 (1.0.0)
    package2521 (1.0.0)
    package2522 (1.0.0)
    package2523 (1.0.0)
    package2524 (1.0.0)
    package2525 (1.0.0)
    package2526 (1.0.0)
    package2527 (1.0.0)
    package2528 (1.0.0)
    package2529 (1.0.0)
    package2530 (1.0.0)
    package2531 (1.0.0)
    package2532 (1.0.0)
    package2533 (1.0.0)
    package2534 (1.0.0)
    package2535 (1.0.0)
    package2536 (1.0.0)
    package2537 (1.0.0)
    package2538 (1.0.0)
    package2539 (1.0.0)
    package2540 (1.0.0)
    package2541 (1.0.0)
    package2542 (1.0.0)
    package2543 (1.0.0)
    package2544 (1.0.0)
    package2545 (1.0.0)
    package2546 (1.0.0)
    package2547 (1.0.0)
    package2548 (1.0.0)
    package2549 (1.0.0)
    package2550 (1.0.0)
    package2551 (1.0.0)
    package2552 (1.0.0)
    package2553 (1.0.0)
    package2554 (1.0.0)
    package2555 (1.0.0)
    package2556 (1.0.0)
    package2557 (1.0.0)
    package2558 (1.0.0)
    package2559 (1.0.0)
    package2560 (1.0.0)
    package2561 (1.0.0)
    package2562 (1.0.0)
    package2563 (1.0.0)
    package2564 (1.0.0)
    package2565 (1.0.0)
    package2566 (1.0.0)
    package2567 (1.0.0)
    package2568 (1.0.0)
    package2569 (1.0.0)
    package2570 (1.0.0)
    package2571 (1.0.0)
    package2572 (1.0.0)
    package2573 (1.0.0)
    package2574 (1.0.0)
    package2575 (1.0.0)
    package2576 (1.0.0)
    package2577 (1.0.0)
    package2578 (1.0.0)
    package2579 (1.0.0)
    package2580 (1.0.0)
    package2581 (1.0.0)
    package2582 (1.0.0)
    package2583 (1.0.0)
    package2584 (1.0.0)
    package2585 (1.0.0)
    package2586 (1.0.0)
    package2587 (1.0.0)
    package2588 (1.0.0)
    package2589 (1.0.0)
    package2590 (1.0.0)
    package2591 (1.0.0)
    package2592 (1.0.0)
    package2593 (1.0.0)
    package2594 (1.0.0)
    package2595 (1.0.0)
    package2596 (1.0.0)
    package2597 (1.0.0)
    package2598 (1.0.0)
    package2599 (1.0.0)
    package2600 (1.0.0)
    package2601 (1.0.0)
    package2602 (1.0.0)
    package2603 (1.0.0)
    package2604 (1.0.0)
    package2605 (1.0.0)
    package2606 (1.0.0)
    package2607 (1.0.0)
    package2608 (1.0.0)
    package2609 (1.0.0)
    package2610 (1.0.0)
    package2611 (1.0.0)
    package2612 (1.0.0)
    package2613 (1.0.0)
    package2614 (1.0.0)
    package2615 (1.0.0)
    package2616 (1.0.0)
    package2617 (1.0.0)
    package2618 (1.0.0)
    package2619 (1.0.0)
    package2620 (1.0.0)
    package2621 (1.0.0)
    package2622 (1.0.0)
    package2623 (1.0.0)
    package2624 (1.0.0)
    package2625 (1.0.0)
    package2626 (1.0.0)
    package2627 (1.0.0)
    package2628 (1.0.0)
    package2629 (1.0.0)
    package2630 (1.0.0)
    package2631 (1.0.0)
    package2632 (1.0.0)
    package2633 (1.0.0)
    package2634 (1.0.0)
    package2635 (1.0.0)
    package2636 (1.0.0)
    package2637 (1.0.0)
    package2638 (1.0.0)
    package2639 (1.0.0)
    package2640 (1.0.0)
    package2641 (1.0.0)
    package2642 (1.0.0)
    package2643 (1.0.0)
    package2644 (1.0.0)
    package2645 (1.0.0)
    package2646 (1.0.0)
    package2647 (1.0.0)
    package2648 (1.0.0)
    package2649 (1.0.0)
    package2650 (1.0.0)
    package2651 (1.0.0)
    package2652 (1.0.0)
    package2653 (1.0.0)
    package2654 (1.0.0)
    package2655 (1.0.0)
    package2656 (1.0.0)
    package2657 (1.0.0)
    package2658 (1.0.0)
    package2659 (1.0.0)
    package2660 (1.0.0)
    package2661 (1.0.0)
    package2662 (1.0.0)
    package2663 (1.0.0)
    package2664 (1.0.0)
    package2665 (1.0.0)
    package2666 (1.0.0)
    package2667 (1.0.0)
    package2668 (1.0.0)
    package2669 (1.0.0)
    package2670 (1.0.0)
    package2671 (1.0.0)
    package2672 (1.0.0)
    package2673 (1.0.0)
    package2674 (1.0.0)
    package2675 (1.0.0)
    package2676 (1.0.0)
    package2677 (1.0.0)
    package2678 (1.0.0)
    package2679 (1.0.0)
    package2680 (1.0.0)
    package2681 (1.0.0)
    package2682 (1.0.0)
    package2683 (1.0.0)
    package2684 (1.0.0)
    package2685 (1.0.0)
    package2686 (1.0.0)
    package2687 (1.0.0)
    package2688 (1.0.0)
    package2689 (1.0.0)
    package2690 (1.0.0)
    package2691 (1.0.0)
    package2692 (1.0.0)
    package2693 (1.0.0)
    package2694 (1.0.0)
    package2695 (1.0.0)
    package2696 (1.0.0)
    package2697 (1.0.0)
    package2698 (1.0.0)
    package2699 (1.0.0)
    package2700 (1.0.0)
    package2701 (1.0.0)
    package2702 (1.0.0)
    package2703 (1.0.0)
    package2704 (1.0.0)
    package2705 (1.0.0)
    package2706 (1.0.0)
    package2707 (1.0.0)
    package2708 (1.0.0)
    package2709 (1.0.0)
    package2710 (1.0.0)
    package2711 (1.0.0)
    package2712 (1.0.0)
    package2713 (1.0.0)
    package2714 (1.0.0)
    package2715 (1.0.0)
    package2716 (1.0.0)
    package2717 (1.0.0)
    package2718 (1.0.0)
    package2719 (1.0.0)
    package2720 (1.0.0)
    package2721 (1.0.0)
    package2722 (1.0.0)
    package2723 (1.0.0)
    package2724 (1.0.0)
    package2725 (1.0.0)
    package2726 (1.0.0)
    package2727 (1.0.0)
    package2728 (1.0.0)
    package2729 (1.0.0)
    package2730 (1.0.0)
    package2731 (1.0.0)
    package2732 (1.0.0)
    package2733 (1.0.0)
    package2734 (1.0.0)
    package2735 (1.0.0)
    package2736 (1.0.0)
    package2737 (1.0.0)
    package2738 (1.0.0)
    package2739 (1.0.0)
    package2740 (1.0.0)
    package2741 (1.0.0)
    package2742 (1.0.0)
    package2743 (1.0.0)
    package2744 (1.0.0)
    package2745 (1.0.0)
    package2746 (1.0.0)
    package2747 (1.0.0)
    package2748 (1.0.0)
    package2749 (1.0.0)
    package2750 (1.0.0)
    package2751 (1.0.0)
    package2752 (1.0.0)
    package2753 (1.0.0)
    package2754 (1.0.0)
    package2755 (1.0.0)
    package2756 (1.0.0)
    package2757 (1.0.0)
    package2758 (1.0.0)
    package2759 (1.0.0)
    package2760 (1.0.0)
    package2761 (1.0.0)
    package2762 (1.0.0)
    package2763 (1.0.0)
    package2764 (1.0.0)
    package2765 (1.0.0)
    package2766 (1.0.0)
    package2767 (1.0.0)
    package2768 (1.0.0)
    package2769 (1.0.0)
    package2770 (1.0.0)
    package2771 (1.0.0)
    package2772 (1.0.0)
    package2773 (1.0.0)
    package2774 (1.0.0)
    package2775 (1.0.0)
    package2776 (1.0.0)
    package2777 (1.0.0)
    package2778 (1.0.0)
    package2779 (1.0.0)
    package2780 (1.0.0)
    package2781 (1.0.0)
    package2782 (1.0.0)
    package2783 (1.0.0)
    package2784 (1.0.0)
    package2785 (1.0.0)
    package2786 (1.0.0)
    package2787 (1.0.0)
    package2788 (1.0.0)
    package2789 (1.0.0)
    package2790 (1.0.0)
    package2791 (1.0.0)
    package2792 (1.0.0)
    package2793 (1.0.0)
    package2794 (1.0.0)
    package2795 (1.0.0)
    package2796 (1.0.0)
    package2797 (1.0.0)
    package2798 (1.0.0)
    package2799 (1.0.0)
    package2800 (1.0.0)
    package2801 (1.0.0)
    package2802 (1.0.0)
    package2803 (1.0.0)
    package2804 (1.0.0)
    package2805 (1.0.0)
    package2806 (1.0.0)
    package2807 (1.0.0)
    package2808 (1.0.0)
    package2809 (1.0.0)
    package2810 (1.0.0)
    package2811 (1.0.0)
    package2812 (1.0.0)
    package2813 (1.0.0)
    package2814 (1.0.0)
    package2815 (1.0.0)
    package2816 (1.0.0)
    package2817 (1.0.0)
    package2818 (1.0.0)
    package2819 (1.0.0)
    package2820 (1.0.0)
    package2821 (1.0.0)
    package2822 (1.0.0)
    package2823 (1.0.0)
    package2824 (1.0.0)
    package2825 (1.0.0)
    package2826 (1.0.0)
    package2827 (1.0.0)
    package2828 (1.0.0)
    package2829 (1.0.0)
    package2830 (1.0.0)
    package2831 (1.0.0)
    package2832 (1.0.0)
    package2833 (1.0.0)
    package2834 (1.0.0)
    package2835 (1.0.0)
    package2836 (1.0.0)
    package2837 (1.0.0)
    package2838 (1.0.0)
    package2839 (1.0.0)
    package2840 (1.0.0)
    package2841 (1.0.0)
    package2842 (1.0.0)
    package2843 (1.0.0)
    package2844 (1.0.0)
    package2845 (1.0.0)
    package2846 (1.0.0)
    package2847 (1.0.0)
    package2848 (1.0.0)
    package2849 (1.0.0)
    package2850 (1.0.0)
    package2851 (1.0.0)
    package2852 (1.0.0)
    package2853 (1.0.0)
    package2854 (1.0.0)
    package2855 (1.0.0)
    package2856 (1.0.0)
    package2857 (1.0.0)
    package2858 (1.0.0)
    package2859 (1.0.0)
    package2860 (1.0.0)
    package2861 (1.0.0)
    package2862 (1.0.0)
    package2863 (1.0.0)
    package2864 (1.0.0)
    package2865 (1.0.0)
    package2866 (1.0.0)
    package2867 (1.0.0)
    package2868 (1.0.0)
    package2869 (1.0.0)
    package2870 (1.0.0)
    package2871 (1.0.0)
    package2872 (1.0.0)
    package2873 (1.0.0)
    package2874 (1.0.0)
    package2875 (1.0.0)
    package2876 (1.0.0)
    package2877 (1.0.0)
    package2878 (1.0.0)
    package2879 (1.0.0)
    package2880 (1.0.0)
    package2881 (1.0.0)
    package2882 (1.0.0)
    package2883 (1.0.0)
    package2884 (1.0.0)
    package2885 (1.0.0)
    package2886 (1.0.0)
    package2887 (1.0.0)
    package2888 (1.0.0)
    package2889 (1.0.0)
    package2890 (1.0.0)
    package2891 (1.0.0)
    package2892 (1.0.0)
    package2893 (1.0.0)
    package2894 (1.0.0)
    package2895 (1.0.0)
    package2896 (1.0.0)
    package2897 (1.0.0)
    package2898 (1.0.0)
    package2899 (1.0.0)
    package2900 (1.0.0)
    package2901 (1.0.0)
    package2902 (1.0.0)
    package2903 (1.0.0)
    package2904 (1.0.0)
    package2905 (1.0.0)
    package2906 (1.0.0)
    package2907 (1.0.0)
    package2908 (1.0.0)
    package2909 (1.0.0)
    package2910 (1.0.0)
    package2911 (1.0.0)
    package2912 (1.0.0)
    package2913 (1.0.0)
    package2914 (1.0.0)
    package2915 (1.0.0)
    package2916 (1.0.0)
    package2917 (1.0.0)
    package2918 (1.0.0)
    package2919 (1.0.0)
    package2920 (1.0.0)
    package2921 (1.0.0)
    package2922 (1.0.0)
    package2923 (1.0.0)
    package2924 (1.0.0)
    package2925 (1.0.0)
    package2926 (1.0.0)
    package2927 (1.0.0)
    package2928 (1.0.0)
    package2929 (1.0.0)
    package2930 (1.0.0)
    package2931 (1.0.0)
    package2932 (1.0.0)
    package2933 (1.0.0)
    package2934 (1.0.0)
    package2935 (1.0.0)
    package2936 (1.0.0)
    package2937 (1.0.0)
    package2938 (1.0.0)
    package2939 (1.0.0)
    package2940 (1.0.0)
    package2941 (1.0.0)
    package2942 (1.0.0)
    package2943 (1.0.0)
    package2944 (1.0.0)
    package2945 (1.0.0)
    package2946 (1.0.0)
    package2947 (1.0.0)
    package2948 (1.0.0)
    package2949 (1.0.0)
    package2950 (1.0.0)
    package2951 (1.0.0)
    package2952 (1.0.0)
    package2953 (1.0.0)
    package2954 (1.0.0)
    package2955 (1.0.0)
    package2956 (1.0.0)
    package2957 (1.0.0)
    package2958 (1.0.0)
    package2959 (1.0.0)
    package2960 (1.0.0)
    package2961 (1.0.0)
    package2962 (1.0.0)
    package2963 (1.0.0)
    package2964 (1.0.0)
    package2965 (1.0.0)
    package2966 (1.0.0)
    package2967 (1.0.0)
    package2968 (1.0.0)
    package2969 (1.0.0)
    package2970 (1.0.0)
    package2971 (1.0.0)
    package2972 (1.0.0)
    package2973 (1.0.0)
    package2974 (1.0.0)
    package2975 (1.0.0)
    package2976 (1.0.0)
    package2977 (1.0.0)
    package2978 (1.0.0)
    package2979 (1.0.0)
    package2980 (1.0.0)
    package2981 (1.0.0)
    package2982 (1.0.0)
    package2983 (1.0.0)
    package2984 (1.0.0)
    package2985 (1.0.0)
    package2986 (1.0.0)
    package2987 (1.0.0)
    package2988 (1.0.0)
    package2989 (1.0.0)
    package2990 (1.0.0)
    package2991 (1.0.0)
    package2992 (1.0.0)
    package2993 (1.0.0)
    package2994 (1.0.0)
    package2995 (1.0.0)
    package2996 (1.0.0)
    package2997 (1.0.0)
    package2998 (1.0.0)
    package2999 (1.0.0)
    package3000 (1.0.0)
    package3001 (1.0.0)
    package3002 (1.0.0)
    package3003 (1.0.0)
    package3004 (1.0.0)
    package3005 (1.0.0)
    package3006 (1.0.0)
    package3007 (1.0.0)
    package3008 (1.0.0)
    package3009 (1.0.0)
    package3010 (1.0.0)
    package3011 (1.0.0)
    package3012 (1.0.0)
    package3013 (1.0.0)
    package3014 (1.0.0)
    package3015 (1.0.0)
    package3016 (1.0.0)
    package3017 (1.0.0)
    package3018 (1.0.0)
    package3019 (1.0.0)
    package3020 (1.0.0)
    package3021 (1.0.0)
    package3022 (1.0.0)
    package3023 (1.0.0)
    package3024 (1.0.0)
    package3025 (1.0.0)
    package3026 (1.0.0)
    package3027 (1.0.0)
    package3028 (1.0.0)
    package3029 (1.0.0)
    package3030 (1.0.0)
    package3031 (1.0.0)
    package3032 (1.0.0)
    package3033 (1.0.0)
    package3034 (1.0.0)
    package3035 (1.0.0)
    package3036 (1.0.0)
    package3037 (1.0.0)
    package3038 (1.0.0)
    package3039 (1.0.0)
    package3040 (1.0.0)
    package3041 (1.0.0)
    package3042 (1.0.0)
    package3043 (1.0.0)
    package3044 (1.0.0)
    package3045 (1.0.0)
    package3046 (1.0.0)
    package3047 (1.0.0)
    package3048 (1.0.0)
    package3049 (1.0.0)
    package3050 (1.0.0)
    package3051 (1.0.0)
    package3052 (1.0.0)
    package3053 (1.0.0)
    package3054 (1.0.0)
    package3055 (1.0.0)
    package3056 (1.0.0)
    package3057 (1.0.0)
    package3058 (1.0.0)
    package3059 (1.0.0)
    package3060 (1.0.0)
    package3061 (1.0.0)
    package3062 (1.0.0)
    package3063 (1.0.0)
    package3064 (1.0.0)
    package3065 (1.0.0)
    package3066 (1.0.0)
    package3067 (1.0.0)
    package3068 (1.0.0)
    package3069 (1.0.0)
    package3070 (1.0.0)
    package3071 (1.0.0)
    package3072 (1.0.0)
    package3073 (1.0.0)
    package3074 (1.0.0)
    package3075 (1.0.0)
    package3076 (1.0.0)
    package3077 (1.0.0)
    package3078 (1.0.0)
    package3079 (1.0.0)
    package3080 (1.0.0)
    package3081 (1.0.0)
    package3082 (1.0.0)
    package3083 (1.0.0)
    package3084 (1.0.0)
    package3085 (1.0.0)
    package3086 (1.0.0)
    package3087 (1.0.0)
    package3088 (1.0.0)
    package3089 (1.0.0)
    package3090 (1.0.0)
    package3091 (1.0.0)
    package3092 (1.0.0)
    package3093 (1.0.0)
    package3094 (1.0.0)
    package3095 (1.0.0)
    package3096 (1.0.0)
    package3097 (1.0.0)
    package3098 (1.0.0)
    package3099 (1.0.0)
    package3100 (1.0.0)
    package3101 (1.0.0)
    package3102 (1.0.0)
    package3103 (1.0.0)
    package3104 (1.0.0)
    package3105 (1.0.0)
    package3106 (1.0.0)
    package3107 (1.0.0)
    package3108 (1.0.0)
    package3109 (1.0.0)
    package3110 (1.0.0)
    package3111 (1.0.0)
    package3112 (1.0.0)
    package3113 (1.0.0)
    package3114 (1.0.0)
    package3115 (1.0.0)
    package3116 (1.0.0)
    package3117 (1.0.0)
    package3118 (1.0.0)
    package3119 (1.0.0)
    package3120 (1.0.0)
    package3121 (1.0.0)
    package3122 (1.0.0)
    package3123 (1.0.0)
    package3124 (1.0.0)
    package3125 (1.0.0)
    package3126 (1.0.0)
    package3127 (1.0.0)
    package3128 (1.0.0)
    package3129 (1.0.0)
    package3130 (1.0.0)
    package3131 (1.0.0)
    package3132 (1.0.0)
    package3133 (1.0.0)
    package3134 (1.0.0)
    package3135 (1.0.0)
    package3136 (1.0.0)
    package3137 (1.0.0)
    package3138 (1.0.0)
    package3139 (1.0.0)
    package3140 (1.0.0)
    package3141 (1.0.0)
    package3142 (1.0.0)
    package3143 (1.0.0)
    package3144 (1.0.0)
    package3145 (1.0.0)
    package3146 (1.0.0)
    package3147 (1.0.0)
    package3148 (1.0.0)
    package3149 (1.0.0)
    package3150 (1.0.0)
    package3151 (1.0.0)
    package3152 (1.0.0)
    package3153 (1.0.0)
    package3154 (1.0.0)
    package3155 (1.0.0)
    package3156 (1.0.0)
    package3157 (1.0.0)
    package3158 (1.0.0)
    package3159 (1.0.0)
    package3160 (1.0.0)
    package3161 (1.0.0)
    package3162 (1.0.0)
    package3163 (1.0.0)
    package3164 (1.0.0)
    package3165 (1.0.0)
    package3166 (1.0.0)
    package3167 (1.0.0)
    package3168 (1.0.0)
    package3169 (1.0.0)
    package3170 (1.0.0)
    package3171 (1.0.0)
    package3172 (1.0.0)
    package3173 (1.0.0)
    package3174 (1.0.0)
    package3175 (1.0.0)
    package3176 (1.0.0)
    package3177 (1.0.0)
    package3178 (1.0.0)
    package3179 (1.0.0)
    package3180 (1.0.0)
    package3181 (1.0.0)
    package3182 (1.0.0)
    package3183 (1.0.0)
    package3184 (1.0.0)
    package3185 (1.0.0)
    package3186 (1.0.0)
    package3187 (1.0.0)
    package3188 (1.0.0)
    package3189 (1.0.0)
    package3190 (1.0.0)
    package3191 (1.0.0)
    package3192 (1.0.0)
    package3193 (1.0.0)
    package3194 (1.0.0)
    package3195 (1.0.0)
    package3196 (1.0.0)
    package3197 (1.0.0)
    package3198 (1.0.0)
    package3199 (1.0.0)
    package3200 (1.0.0)
    package3201 (1.0.0)
    package3202 (1.0.0)
    package3203 (1.0.0)
    package3204 (1.0.0)
    package3205 (1.0.0)
    package3206 (1.0.0)
    package3207 (1.0.0)
    package3208 (1.0.0)
    package3209 (1.0.0)
    package3210 (1.0.0)
    package3211 (1.0.0)
    package3212 (1.0.0)
    package3213 (1.0.0)
    package3214 (1.0.0)
    package3215 (1.0.0)
    package3216 (1.0.0)
    package3217 (1.0.0)
    package3218 (1.0.0)
    package3219 (1.0.0)
    package3220 (1.0.0)
    package3221 (1.0.0)
    package3222 (1.0.0)
    package3223 (1.0.0)
    package3224 (1.0.0)
    package3225 (1.0.0)
    package3226 (1.0.0)
    package3227 (1.0.0)
    package3228 (1.0.0)
    package3229 (1.0.0)
    package3230 (1.0.0)
    package3231 (1.0.0)
    package3232 (1.0.0)
    package3233 (1.0.0)
    package3234 (1.0.0)
    package3235 (1.0.0)
    package3236 (1.0.0)
    package3237 (1.0.0)
    package3238 (1.0.0)
    package3239 (1.0.0)
    package3240 (1.0.0)
    package3241 (1.0.0)
    package3242 (1.0.0)
    package3243 (1.0.0)
    package3244 (1.0.0)
    package3245 (1.0.0)
    package3246 (1.0.0)
    package3247 (1.0.0)
    package3248 (1.0.0)
    package3249 (1.0.0)
    package3250 (1.0.0)
    package3251 (1.0.0)
    package3252 (1.0.0)
    package3253 (1.0.0)
    package3254 (1.0.0)
    package3255 (1.0.0)
    package3256 (1.0.0)
    package3257 (1.0.0)
    package3258 (1.0.0)
    package3259 (1.0.0)
    package3260 (1.0.0)
    package3261 (1.0.0)
    package3262 (1.0.0)
    package3263 (1.0.0)
    package3264 (1.0.0)
    package3265 (1.0.0)
    package3266 (1.0.0)
    package3267 (1.0.0)
    package3268 (1.0.0)
    package3269 (1.0.0)
    package3270 (1.0.0)
    package3271 (1.0.0)
    package3272 (1.0.0)
    package3273 (1.0.0)
    package3274 (1.0.0)
    package3275 (1.0.0)
    package3276 (1.0.0)
    package3277 (1.0.0)
    package3278 (1.0.0)
    package3279 (1.0.0)
    package3280 (1.0.0)
    package3281 (1.0.0)
    package3282 (1.0.0)
    package3283 (1.0.0)
    package3284 (1.0.0)
    package3285 (1.0.0)
    package3286 (1.0.0)
    package3287 (1.0.0)
    package3288 (1.0.0)
    package3289 (1.0.0)
    package3290 (1.0.0)
    package3291 (1.0.0)
    package3292 (1.0.0)
    package3293 (1.0.0)
    package3294 (1.0.0)
    package3295 (1.0.0)
    package3296 (1.0.0)
    package3297 (1.0.0)
    package3298 (1.0.0)
    package3299 (1.0.0)
    package3300 (1.0.0)
    package3301 (1.0.0)
    package3302 (1.0.0)
    package3303 (1.0.0)
    package3304 (1.0.0)
    package3305 (1.0.0)
    package3306 (1.0.0)
    package3307 (1.0.0)
    package3308 (1.0.0)
    package3309 (1.0.0)
    package3310 (1.0.0)
    package3311 (1.0.0)
    package3312 (1.0.0)
    package3313 (1.0.0)
    package3314 (1.0.0)
    package3315 (1.0.0)
    package3316 (1.0.0)
    package3317 (1.0.0)
    package3318 (1.0.0)
    package3319 (1.0.0)
    package3320 (1.0.0)
    package3321 (1.0.0)
    package3322 (1.0.0)
    package3323 (1.0.0)
    package3324 (1.0.0)
    package3325 (1.0.0)
    package3326 (1.0.0)
    package3327 (1.0.0)
    package3328 (1.0.0)
    package3329 (1.0.0)
    package3330 (1.0.0)
    package3331 (1.0.0)
    package3332 (1.0.0)
    package3333 (1.0.0)
    package3334 (1.0.0)
    package3335 (1.0.0)
    package3336 (1.0.0)
    package3337 (1.0.0)
    package3338 (1.0.0)
    package3339 (1.0.0)
    package3340 (1.0.0)
    package3341 (1.0.0)
    package3342 (1.0.0)
    package3343 (1.0.0)
    package3344 (1.0.0)
    package3345 (1.0.0)
    package3346 (1.0.0)
    package3347 (1.0.0)
    package3348 (1.0.0)
    package3349 (1.0.0)
    package3350 (1.0.0)
    package3351 (1.0.0)
    package3352 (1.0.0)
    package3353 (1.0.0)
    package3354 (1.0.0)
    package3355 (1.0.0)
    package3356 (1.0.0)
    package3357 (1.0.0)
    package3358 (1.0.0)
    package3359 (1.0.0)
    package3360 (1.0.0)
    package3361 (1.0.0)
    package3362 (1.0.0)
    package3363 (1.0.0)
    package3364 (1.0.0)
    package3365 (1.0.0)
    package3366 (1.0.0)
    package3367 (1.0.0)
    package3368 (1.0.0)
    package3369 (1.0.0)
    package3370 (1.0.0)
    package3371 (1.0.0)
    package3372 (1.0.0)
    package3373 (1.0.0)
    package3374 (1.0.0)
    package3375 (1.0.0)
    package3376 (1.0.0)
    package3377 (1.0.0)
    package3378 (1.0.0)
    package3379 (1.0.0)
    package3380 (1.0.0)
    package3381 (1.0.0)
    package3382 (1.0.0)
    package3383 (1.0.0)
    package3384 (1.0.0)
    package3385 (1.0.0)
    package3386 (1.0.0)
    package3387 (1.0.0)
    package3388 (1.0.0)
    package3389 (1.0.0)
    package3390 (1.0.0)
    package3391 (1.0.0)
    package3392 (1.0.0)
    package3393 (1.0.0)
    package3394 (1.0.0)
    package3395 (1.0.0)
    package3396 (1.0.0)
    package3397 (1.0.0)
    package3398 (1.0.0)
    package3399 (1.0.0)
    package3400 (1.0.0)
    package3401 (1.0.0)
    package3402 (1.0.0)
    package3403 (1.0.0)
    package3404 (1.0.0)
    package3405 (1.0.0)
    package3406 (1.0.0)
    package3407 (1.0.0)
    package3408 (1.0.0)
    package3409 (1.0.0)
    package3410 (1.0.0)
    package3411 (1.0.0)
    package3412 (1.0.0)
    package3413 (1.0.0)
    package3414 (1.0.0)
    package3415 (1.0.0)
    package3416 (1.0.0)
    package3417 (1.0.0)
    package3418 (1.0.0)
    package3419 (1.0.0)
    package3420 (1.0.0)
    package3421 (1.0.0)
    package3422 (1.0.0)
    package3423 (1.0.0)
    package3424 (1.0.0)
    package3425 (1.0.0)
    package3426 (1.0.0)
    package3427 (1.0.0)
    package3428 (1.0.0)
    package3429 (1.0.0)
    package3430 (1.0.0)
    package3431 (1.0.0)
    package3432 (1.0.0)
    package3433 (1.0.0)
    package3434 (1.0.0)
    package3435 (1.0.0)
    package3436 (1.0.0)
    package3437 (1.0.0)
    package3438 (1.0.0)
    package3439 (1.0.0)
    package3440 (1.0.0)
    package3441 (1.0.0)
    package3442 (1.0.0)
    package3443 (1.0.0)
    package3444 (1.0.0)
    package3445 (1.0.0)
    package3446 (1.0.0)
    package3447 (1.0.0)
    package3448 (1.0.0)
    package3449 (1.0.0)
    package3450 (1.0.0)
    package3451 (1.0.0)
    package3452 (1.0.0)
    package3453 (1.0.0)
    package3454 (1.0.0)
    package3455 (1.0.0)
    package3456 (1.0.0)
    package3457 (1.0.0)
    package3458 (1.0.0)
    package3459 (1.0.0)
    package3460 (1.0.0)
    package3461 (1.0.0)
    package3462 (1.0.0)
    package3463 (1.0.0)
    package3464 (1.0.0)
    package3465 (1.0.0)
    package3466 (1.0.0)
    package3467 (1.0.0)
    package3468 (1.0.0)
    package3469 (1.0.0)
    package3470 (1.0.0)
    package3471 (1.0.0)
    package3472 (1.0.0)
    package3473 (1.0.0)
    package3474 (1.0.0)
    package3475 (1.0.0)
    package3476 (1.0.0)
    package3477 (1.0.0)
    package3478 (1.0.0)
    package3479 (1.0.0)
    package3480 (1.0.0)
    package3481 (1.0.0)
    package3482 (1.0.0)
    package3483 (1.0.0)
    package3484 (1.0.0)
    package3485 (1.0.0)
    package3486 (1.0.0)
    package3487 (1.0.0)
    package3488 (1.0.0)
    package3489 (1.0.0)
    package3490 (1.0.0)
    package3491 (1.0.0)
    package3492 (1.0.0)
    package3493 (1.0.0)
    package3494 (1.0.0)
    package3495 (1.0.0)
    package3496 (1.0.0)
    package3497 (1.0.0)
    package3498 (1.0.0)
    package3499 (1.0.0)
    package3500 (1.0.0)
    package3501 (1.0.0)
    package3502 (1.0.0)
    package3503 (1.0.0)
    package3504 (1.0.0)
    package3505 (1.0.0)
    package3506 (1.0.0)
    package3507 (1.0.0)
    package3508 (1.0.0)
    package3509 (1.0.0)
    package3510 (1.0.0)
    package3511 (1.0.0)
    package3512 (1.0.0)
    package3513 (1.0.0)
    package3514 (1.0.0)
    package3515 (1.0.0)
    package3516 (1.0.0)
    package3517 (1.0.0)
    package3518 (1.0.0)
    package3519 (1.0.0)
    package3520 (1.0.0)
    package3521 (1.0.0)
    package3522 (1.0.0)
    package3523 (1.0.0)
    package3524 (1.0.0)
    package3525 (1.0.0)
    package3526 (1.0.0)
    package3527 (1.0.0)
    package3528 (1.0.0)
    package3529 (1.0.0)
    package3530 (1.0.0)
    package3531 (1.0.0)
    package3532 (1.0.0)
    package3533 (1.0.0)
    package3534 (1.0.0)
    package3535 (1.0.0)
    package3536 (1.0.0)
    package3537 (1.0.0)
    package3538 (1.0.0)
    package3539 (1.0.0)
    package3540 (1.0.0)
    package3541 (1.0.0)
    package3542 (1.0.0)
    package3543 (1.0.0)
    package3544 (1.0.0)
    package3545 (1.0.0)
    package3546 (1.0.0)
    package3547 (1.0.0)
    package3548 (1.0.0)
    package3549 (1.0.0)
    package3550 (1.0.0)
    package3551 (1.0.0)
    package3552 (1.0.0)
    package3553 (1.0.0)
    package3554 (1.0.0)
    package3555 (1.0.0)
    package3556 (1.0.0)
    package3557 (1.0.0)
    package3558 (1.0.0)
    package3559 (1.0.0)
    package3560 (1.0.0)
    package3561 (1.0.0)
    package3562 (1.0.0)
    package3563 (1.0.0)
    package3564 (1.0.0)
    package3565 (1.0.0)
    package3566 (1.0.0)
    package3567 (1.0.0)
    package3568 (1.0.0)
    package3569 (1.0.0)
    package3570 (1.0.0)
    package3571 (1.0.0)
    package3572 (1.0.0)
    package3573 (1.0.0)
    package3574 (1.0.0)
    package3575 (1.0.0)
    package3576 (1.0.0)
    package3577 (1.0.0)
    package3578 (1.0.0)
    package3579 (1.0.0)
    package3580 (1.0.0)
    package3581 (1.0.0)
    package3582 (1.0.0)
    package3583 (1.0.0)
    package3584 (1.0.0)
    package3585 (1.0.0)
    package3586 (1.0.0)
    package3587 (1.0.0)
    package3588 (1.0.0)
    package3589 (1.0.0)
    package3590 (1.0.0)
    package3591 (1.0.0)
    package3592 (1.0.0)
    package3593 (1.0.0)
    package3594 (1.0.0)
    package3595 (1.0.0)
    package3596 (1.0.0)
    package3597 (1.0.0)
    package3598 (1.0.0)
    package3599 (1.0.0)
    package3600 (1.0.0)
    package3601 (1.0.0)
    package3602 (1.0.0)
    package3603 (1.0.0)
    package3604 (1.0.0)
    package3605 (1.0.0)
    package3606 (1.0.0)
    package3607 (1.0.0)
    package3608 (1.0.0)
    package3609 (1.0.0)
    package3610 (1.0.0)
    package3611 (1.0.0)
    package3612 (1.0.0)
    package3613 (1.0.0)
    package3614 (1.0.0)
    package3615 (1.0.0)
    package3616 (1.0.0)
    package3617 (1.0.0)
    package3618 (1.0.0)
    package3619 (1.0.0)
    package3620 (1.0.0)
    package3621 (1.0.0)
    package3622 (1.0.0)
    package3623 (1.0.0)
    package3624 (1.0.0)
    package3625 (1.0.0)
    package3626 (1.0.0)
    package3627 (1.0.0)
    package3628 (1.0.0)
    package3629 (1.0.0)
    package3630 (1.0.0)
    package3631 (1.0.0)
    package3632 (1.0.0)
    package3633 (1.0.0)
    package3634 (1.0.0)
    package3635 (1.0.0)
    package3636 (1.0.0)
    package3637 (1.0.0)
    package3638 (1.0.0)
    package3639 (1.0.0)
    package3640 (1.0.0)
    package3641 (1.0.0)
    package3642 (1.0.0)
    package3643 (1.0.0)
    package3644 (1.0.0)
    package3645 (1.0.0)
    package3646 (1.0.0)
    package3647 (1.0.0)
    package3648 (1.0.0)
    package3649 (1.0.0)
    package3650 (1.0.0)
    package3651 (1.0.0)
    package3652 (1.0.0)
    package3653 (1.0.0)
    package3654 (1.0.0)
    package3655 (1.0.0)
    package3656 (1.0.0)
    package3657 (1.0.0)
    package3658 (1.0.0)
    package3659 (1.0.0)
    package3660 (1.0.0)
    package3661 (1.0.0)
    package3662 (1.0.0)
    package3663 (1.0.0)
    package3664 (1.0.0)
    package3665 (1.0.0)
    package3666 (1.0.0)
    package3667 (1.0.0)
    package3668 (1.0.0)
    package3669 (1.0.0)
    package3670 (1.0.0)
    package3671 (1.0.0)
    package3672 (1.0.0)
    package3673 (1.0.0)
    package3674 (1.0.0)
    package3675 (1.0.0)
    package3676 (1.0.0)
    package3677 (1.0.0)
    package3678 (1.0.0)
    package3679 (1.0.0)
    package3680 (1.0.0)
    package3681 (1.0.0)
    package3682 (1.0.0)
    package3683 (1.0.0)
    package3684 (1.0.0)
    package3685 (1.0.0)
    package3686 (1.0.0)
    package3687 (1.0.0)
    package3688 (1.0.0)
    package3689 (1.0.0)
    package3690 (1.0.0)
    package3691 (1.0.0)
    package3692 (1.0.0)
    package3693 (1.0.0)
    package3694 (1.0.0)
    package3695 (1.0.0)
    package3696 (1.0.0)
    package3697 (1.0.0)
    package3698 (1.0.0)
    package3699 (1.0.0)
    package3700 (1.0.0)
    package3701 (1.0.0)
    package3702 (1.0.0)
    package3703 (1.0.0)
    package3704 (1.0.0)
    package3705 (1.0.0)
    package3706 (1.0.0)
    package3707 (1.0.0)
    package3708 (1.0.0)
    package3709 (1.0.0)
    package3710 (1.0.0)
    package3711 (1.0.0)
    package3712 (1.0.0)
    package3713 (1.0.0)
    package3714 (1.0.0)
    package3715 (1.0.0)
    package3716 (1.0.0)
    package3717 (1.0.0)
    package3718 (1.0.0)
    package3719 (1.0.0)
    package3720 (1.0.0)
    package3721 (1.0.0)
    package3722 (1.0.0)
    package3723 (1.0.0)
    package3724 (1.0.0)
    package3725 (1.0.0)
    package3726 (1.0.0)
    package3727 (1.0.0)
    package3728 (1.0.0)
    package3729 (1.0.0)
    package3730 (1.0.0)
    package3731 (1.0.0)
    package3732 (1.0.0)
    package3733 (1.0.0)
    package3734 (1.0.0)
    package3735 (1.0.0)
    package3736 (1.0.0)
    package3737 (1.0.0)
    package3738 (1.0.0)
    package3739 (1.0.0)
    package3740 (1.0.0)
    package3741 (1.0.0)
    package3742 (1.0.0)
    package3743 (1.0.0)
    package3744 (1.0.0)
    package3745 (1.0.0)
    package3746 (1.0.0)
    package3747 (1.0.0)
    package3748 (1.0.0)
    package3749 (1.0.0)
    package3750 (1.0.0)
    package3751 (1.0.0)
    package3752 (1.0.0)
    package3753 (1.0.0)
    package3754 (1.0.0)
    package3755 (1.0.0)
    package3756 (1.0.0)
    package3757 (1.0.0)
    package3758 (1.0.0)
    package3759 (1.0.0)
    package3760 (1.0.0)
    package3761 (1.0.0)
    package3762 (1.0.0)
    package3763 (1.0.0)
    package3764 (1.0.0)
    package3765 (1.0.0)
    package3766 (1.0.0)
    package3767 (1.0.0)
    package3768 (1.0.0)
    package3769 (1.0.0)
    package3770 (1.0.0)
    package3771 (1.0.0)
    package3772 (1.0.0)
    package3773 (1.0.0)
    package3774 (1.0.0)
    package3775 (1.0.0)
    package3776 (1.0.0)
    package3777 (1.0.0)
    package3778 (1.0.0)
    package3779 (1.0.0)
    package3780 (1.0.0)
    package3781 (1.0.0)
    package3782 (1.0.0)
    package3783 (1.0.0)
    package3784 (1.0.0)
    package3785 (1.0.0)
    package3786 (1.0.0)
    package3787 (1.0.0)
    package3788 (1.0.0)
    package3789 (1.0.0)
    package3790 (1.0.0)
    package3791 (1.0.0)
    package3792 (1.0.0)
    package3793 (1.0.0)
    package3794 (1.0.0)
    package3795 (1.0.0)
    package3796 (1.0.0)
    package3797 (1.0.0)
    package3798 (1.0.0)
    package3799 (1.0.0)
    package3800 (1.0.0)
    package3801 (1.0.0)
    package3802 (1.0.0)
    package3803 (1.0.0)
    package3804 (1.0.0)
    package3805 (1.0.0)
    package3806 (1.0.0)
    package3807 (1.0.0)
    package3808 (1.0.0)
    package3809 (1.0.0)
    package3810 (1.0.0)
    package3811 (1.0.0)
    package3812 (1.0.0)
    package3813 (1.0.0)
    package3814 (1.0.0)
    package3815 (1.0.0)
    package3816 (1.0.0)
    package3817 (1.0.0)
    package3818 (1.0.0)
    package3819 (1.0.0)
    package3820 (1.0.0)
    package3821 (1.0.0)
    package3822 (1.0.0)
    package3823 (1.0.0)
    package3824 (1.0.0)
    package3825 (1.0.0)
    package3826 (1.0.0)
    package3827 (1.0.0)
    package3828 (1.0.0)
    package3829 (1.0.0)
    package3830 (1.0.0)
    package3831 (1.0.0)
    package3832 (1.0.0)
    package3833 (1.0.0)
    package3834 (1.0.0)
    package3835 (1.0.0)
    package3836 (1.0.0)
    package3837 (1.0.0)
    package3838 (1.0.0)
    package3839 (1.0.0)
    package3840 (1.0.0)
    package3841 (1.0.0)
    package3842 (1.0.0)
    package3843 (1.0.0)
    package3844 (1.0.0)
    package3845 (1.0.0)
    package3846 (1.0.0)
    package3847 (1.0.0)
    package3848 (1.0.0)
    package3849 (1.0.0)
    package3850 (1.0.0)
    package3851 (1.0.0)
    package3852 (1.0.0)
    package3853 (1.0.0)
    package3854 (1.0.0)
    package3855 (1.0.0)
    package3856 (1.0.0)
    package3857 (1.0.0)
    package3858 (1.0.0)
    package3859 (1.0.0)
    package3860 (1.0.0)
    package3861 (1.0.0)
    package3862 (1.0.0)
    package3863 (1.0.0)
    package3864 (1.0.0)
    package3865 (1.0.0)
    package3866 (1.0.0)
    package3867 (1.0.0)
    package3868 (1.0.0)
    package3869 (1.0.0)
    package3870 (1.0.0)
    package3871 (1.0.0)
    package3872 (1.0.0)
    package3873 (1.0.0)
    package3874 (1.0.0)
    package3875 (1.0.0)
    package3876 (1.0.0)
    package3877 (1.0.0)
    package3878 (1.0.0)
    package3879 (1.0.0)
    package3880 (1.0.0)
    package3881 (1.0.0)
    package3882 (1.0.0)
    package3883 (1.0.0)
    package3884 (1.0.0)
    package3885 (1.0.0)
    package3886 (1.0.0)
    package3887 (1.0.0)
    package3888 (1.0.0)
    package3889 (1.0.0)
    package3890 (1.0.0)
    package3891 (1.0.0)
    package3892 (1.0.0)
    package3893 (1.0.0)
    package3894 (1.0.0)
    package3895 (1.0.0)
    package3896 (1.0.0)
    package3897 (1.0.0)
    package3898 (1.0.0)
    package3899 (1.0.0)
    package3900 (1.0.0)
    package3901 (1.0.0)
    package3902 (1.0.0)
    package3903 (1.0.0)
    package3904 (1.0.0)
    package3905 (1.0.0)
    package3906 (1.0.0)
    package3907 (1.0.0)
    package3908 (1.0.0)
    package3909 (1.0.0)
    package3910 (1.0.0)
    package3911 (1.0.0)
    package3912 (1.0.0)
    package3913 (1.0.0)
    package3914 (1.0.0)
    package3915 (1.0.0)
    package3916 (1.0.0)
    package3917 (1.0.0)
    package3918 (1.0.0)
    package3919 (1.0.0)
    package3920 (1.0.0)
    package3921 (1.0.0)
    package3922 (1.0.0)
    package3923 (1.0.0)
    package3924 (1.0.0)
    package3925 (1.0.0)
    package3926 (1.0.0)
    package3927 (1.0.0)
    package3928 (1.0.0)
    package3929 (1.0.0)
    package3930 (1.0.0)
    package3931 (1.0.0)
    package3932 (1.0.0)
    package3933 (1.0.0)
    package3934 (1.0.0)
    package3935 (1.0.0)
    package3936 (1.0.0)
    package3937 (1.0.0)
    package3938 (1.0.0)
    package3939 (1.0.0)
    package3940 (1.0.0)
    package3941 (1.0.0)
    package3942 (1.0.0)
    package3943 (1.0.0)
    package3944 (1.0.0)
    package3945 (1.0.0)
    package3946 (1.0.0)
    package3947 (1.0.0)
    package3948 (1.0.0)
    package3949 (1.0.0)
    package3950 (1.0.0)
    package3951 (1.0.0)
    package3952 (1.0.0)
    package3953 (1.0.0)
    package3954 (1.0.0)
    package3955 (1.0.0)
    package3956 (1.0.0)
    package3957 (1.0.0)
    package3958 (1.0.0)
    package3959 (1.0.0)
    package3960 (1.0.0)
    package3961 (1.0.0)
    package3962 (1.0.0)
    package3963 (1.0.0)
    package3964 (1.0.0)
    package3965 (1.0.0)
    package3966 (1.0.0)
    package3967 (1.0.0)
    package3968 (1.0.0)
    package3969 (1.0.0)
    package3970 (1.0.0)
    package3971 (1.0.0)
    package3972 (1.0.0)
    package3973 (1.0.0)
    package3974 (1.0.0)
    package3975 (1.0.0)
    package3976 (1.0.0)
    package3977 (1.0.0)
    package3978 (1.0.0)
    package3979 (1.0.0)
    package3980 (1.0.0)
    package3981 (1.0.0)
    package3982 (1.0.0)
    package3983 (1.0.0)
    package3984 (1.0.0)
    package3985 (1.0.0)
    package3986 (1.0.0)
    package3987 (1.0.0)
    package3988 (1.0.0)
    package3989 (1.0.0)
    package3990 (1.0.0)
    package3991 (1.0.0)
    package3992 (1.0.0)
    package3993 (1.0.0)
    package3994 (1.0.0)
    package3995 (1.0.0)
    package3996 (1.0.0)
    package3997 (1.0.0)
    package3998 (1.0.0)
    package3999 (1.0.0)
    package4000 (1.0.0)
    package4001 (1.0.0)
    package4002 (1.0.0)
    package4003 (1.0.0)
    package4004 (1.0.0)
    package4005 (1.0.0)
    package4006 (1.0.0)
    package4007 (1.0.0)
    package4008 (1.0.0)
    package4009 (1.0.0)
    package4010 (1.0.0)
    package4011 (1.0.0)
    package4012 (1.0.0)
    package4013 (1.0.0)
    package4014 (1.0.0)
    package4015 (1.0.0)
    package4016 (1.0.0)
    package4017 (1.0.0)
    package4018 (1.0.0)
    package4019 (1.0.0)
    package4020 (1.0.0)
    package4021 (1.0.0)
    package4022 (1.0.0)
    package4023 (1.0.0)
    package4024 (1.0.0)
    package4025 (1.0.0)
    package4026 (1.0.0)
    package4027 (1.0.0)
    package4028 (1.0.0)
    package4029 (1.0.0)
    package4030 (1.0.0)
    package4031 (1.0.0)
    package4032 (1.0.0)
    package4033 (1.0.0)
    package4034 (1.0.0)
    package4035 (1.0.0)
    package4036 (1.0.0)
    package4037 (1.0.0)
    package4038 (1.0.0)
    package4039 (1.0.0)
    package4040 (1.0.0)
    package4041 (1.0.0)
    package4042 (1.0.0)
    package4043 (1.0.0)
    package4044 (1.0.0)
    package4045 (1.0.0)
    package4046 (1.0.0)
    package4047 (1.0.0)
    package4048 (1.0.0)
    package4049 (1.0.0)
    package4050 (1.0.0)
    package4051 (1.0.0)
    package4052 (1.0.0)
    package4053 (1.0.0)
    package4054 (1.0.0)
    package4055 (1.0.0)
    package4056 (1.0.0)
    package4057 (1.0.0)
    package4058 (1.0.0)
    package4059 (1.0.0)
    package4060 (1.0.0)
    package4061 (1.0.0)
    package4062 (1.0.0)
    package4063 (1.0.0)
    package4064 (1.0.0)
    package4065 (1.0.0)
    package4066 (1.0.0)
    package4067 (1.0.0)
    package4068 (1.0.0)
    package4069 (1.0.0)
    package4070 (1.0.0)
    package4071 (1.0.0)
    package4072 (1.0.0)
    package4073 (1.0.0)
    package4074 (1.0.0)
    package4075 (1.0.0)
    package4076 (1.0.0)
    package4077 (1.0.0)
    package4078 (1.0.0)
    package4079 (1.0.0)
    package4080 (1.0.0)
    package4081 (1.0.0)
    package4082 (1.0.0)
    package4083 (1.0.0)
    package4084 (1.0.0)
    package4085 (1.0.0)
    package4086 (1.0.0)
    package4087 (1.0.0)
    package4088 (1.0.0)
    package4089 (1.0.0)
    package4090 (1.0.0)
    package4091 (1.0.0)
    package4092 (1.0.0)
    package4093 (1.0.0)
    package4094 (1.0.0)
    package4095 (1.0.0)
    package4096 (1.0.0)
    package4097 (1.0.0)
    package4098 (1.0.0)
    package4099 (1.0.0)
    package4100 (1.0.0)
    package4101 (1.0.0)
    package4102 (1.0.0)
    package4103 (1.0.0)
    package4104 (1.0.0)
    package4105 (1.0.0)
    package4106 (1.0.0)
    package4107 (1.0.0)
    package4108 (1.0.0)
    package4109 (1.0.0)
    package4110 (1.0.0)
    package4111 (1.0.0)
    package4112 (1.0.0)
    package4113 (1.0.0)
    package4114 (1.0.0)
    package4115 (1.0.0)
    package4116 (1.0.0)
    package4117 (1.0.0)
    package4118 (1.0.0)
    package4119 (1.0.0)
    package4120 (1.0.0)
    package4121 (1.0.0)
    package4122 (1.0.0)
    package4123 (1.0.0)
    package4124 (1.0.0)
    package4125 (1.0.0)
    package4126 (1.0.0)
    package4127 (1.0.0)
    package4128 (1.0.0)
    package4129 (1.0.0)
    package4130 (1.0.0)
    package4131 (1.0.0)
    package4132 (1.0.0)
    package4133 (1.0.0)
    package4134 (1.0.0)
    package4135 (1.0.0)
    package4136 (1.0.0)
    package4137 (1.0.0)
    package4138 (1.0.0)
    package4139 (1.0.0)
    package4140 (1.0.0)
    package4141 (1.0.0)
    package4142 (1.0.0)
    package4143 (1.0.0)
    package4144 (1.0.0)
    package4145 (1.0.0)
    package4146 (1.0.0)
    package4147 (1.0.0)
    package4148 (1.0.0)
    package4149 (1.0.0)
    package4150 (1.0.0)
    package4151 (1.0.0)
    package4152 (1.0.0)
    package4153 (1.0.0)
    package4154 (1.0.0)
    package4155 (1.0.0)
    package4156 (1.0.0)
    package4157 (1.0.0)
    package4158 (1.0.0)
    package4159 (1.0.0)
    package4160 (1.0.0)
    package4161 (1.0.0)
    package4162 (1.0.0)
    package4163 (1.0.0)
    package4164 (1.0.0)
    package4165 (1.0.0)
    package4166 (1.0.0)
    package4167 (1.0.0)
    package4168 (1.0.0)
    package4169 (1.0.0)
    package4170 (1.0.0)
    package4171 (1.0.0)
    package4172 (1.0.0)
    package4173 (1.0.0)
    package4174 (1.0.0)
    package4175 (1.0.0)
    package4176 (1.0.0)
    package4177 (1.0.0)
    package4178 (1.0.0)
    package4179 (1.0.0)
    package4180 (1.0.0)
    package4181 (1.0.0)
    package4182 (1.0.0)
    package4183 (1.0.0)
    package4184 (1.0.0)
    package4185 (1.0.0)
    package4186 (1.0.0)
    package4187 (1.0.0)
    package4188 (1.0.0)
    package4189 (1.0.0)
    package4190 (1.0.0)
    package4191 (1.0.0)
    package4192 (1.0.0)
    package4193 (1.0.0)
    package4194 (1.0.0)
    package4195 (1.0.0)
    package4196 (1.0.0)
    package4197 (1.0.0)
    package4198 (1.0.0)
    package4199 (1.0.0)
    package4200 (1.0.0)
    package4201 (1.0.0)
    package4202 (1.0.0)
    package4203 (1.0.0)
    package4204 (1.0.0)
    package4205 (1.0.0)
    package4206 (1.0.0)
    package4207 (1.0.0)
    package4208 (1.0.0)
    package4209 (1.0.0)
    package4210 (1.0.0)
    package4211 (1.0.0)
    package4212 (1.0.0)
    package4213 (1.0.0)
    package4214 (1.0.0)
    package4215 (1.0.0)
    package4216 (1.0.0)
    package4217 (1.0.0)
    package4218 (1.0.0)
    package4219 (1.0.0)
    package4220 (1.0.0)
    package4221 (1.0.0)
    package4222 (1.0.0)
    package4223 (1.0.0)
    package4224 (1.0.0)
    package4225 (1.0.0)
    package4226 (1.0.0)
    package4227 (1.0.0)
    package4228 (1.0.0)
    package4229 (1.0.0)
    package4230 (1.0.0)
    package4231 (1.0.0)
    package4232 (1.0.0)
    package4233 (1.0.0)
    package4234 (1.0.0)
    package4235 (1.0.0)
    package4236 (1.0.0)
    package4237 (1.0.0)
    package4238 (1.0.0)
    package4239 (1.0.0)
    package4240 (1.0.0)
    package4241 (1.0.0)
    package4242 (1.0.0)
    package4243 (1.0.0)
    package4244 (1.0.0)
    package4245 (1.0.0)
    package4246 (1.0.0)
    package4247 (1.0.0)
    package4248 (1.0.0)
    package4249 (1.0.0)
    package4250 (1.0.0)
    package4251 (1.0.0)
    package4252 (1.0.0)
    package4253 (1.0.0)
    package4254 (1.0.0)
    package4255 (1.0.0)
    package4256 (1.0.0)
    package4257 (1.0.0)
    package4258 (1.0.0)
    package4259 (1.0.0)
    package4260 (1.0.0)
    package4261 (1.0.0)
    package4262 (1.0.0)
    package4263 (1.0.0)
    package4264 (1.0.0)
    package4265 (1.0.0)
    package4266 (1.0.0)
    package4267 (1.0.0)
    package4268 (1.0.0)
    package4269 (1.0.0)
    package4270 (1.0.0)
    package4271 (1.0.0)
    package4272 (1.0.0)
    package4273 (1.0.0)
    package4274 (1.0.0)
    package4275 (1.0.0)
    package4276 (1.0.0)
    package4277 (1.0.0)
    package4278 (1.0.0)
    package4279 (1.0.0)
    package4280 (1.0.0)
    package4281 (1.0.0)
    package4282 (1.0.0)
    package4283 (1.0.0)
    package4284 (1.0.0)
    package4285 (1.0.0)
    package4286 (1.0.0)
    package4287 (1.0.0)
    package4288 (1.0.0)
    package4289 (1.0.0)
    package4290 (1.0.0)
    package4291 (1.0.0)
    package4292 (1.0.0)
    package4293 (1.0.0)
    package4294 (1.0.0)
    package4295 (1.0.0)
    package4296 (1.0.0)
    package4297 (1.0.0)
    package4298 (1.0.0)
    package4299 (1.0.0)
    package4300 (1.0.0)
    package4301 (1.0.0)
    package4302 (1.0.0)
    package4303 (1.0.0)
    package4304 (1.0.0)
    package4305 (1.0.0)
    package4306 (1.0.0)
    package4307 (1.0.0)
    package4308 (1.0.0)
    package4309 (1.0.0)
    package4310 (1.0.0)
    package4311 (1.0.0)
    package4312 (1.0.0)
    package4313 (1.0.0)
    package4314 (1.0.0)
    package4315 (1.0.0)
    package4316 (1.0.0)
    package4317 (1.0.0)
    package4318 (1.0.0)
    package4319 (1.0.0)
    package4320 (1.0.0)
    package4321 (1.0.0)
    package4322 (1.0.0)
    package4323 (1.0.0)
    package4324 (1.0.0)
    package4325 (1.0.0)
    package4326 (1.0.0)
    package4327 (1.0.0)
    package4328 (1.0.0)
    package4329 (1.0.0)
    package4330 (1.0.0)
    package4331 (1.0.0)
    package4332 (1.0.0)
    package4333 (1.0.0)
    package4334 (1.0.0)
    package4335 (1.0.0)
    package4336 (1.0.0)
    package4337 (1.0.0)
    package4338 (1.0.0)
    package4339 (1.0.0)
    package4340 (1.0.0)
    package4341 (1.0.0)
    package4342 (1.0.0)
    package4343 (1.0.0)
    package4344 (1.0.0)
    package4345 (1.0.0)
    package4346 (1.0.0)
    package4347 (1.0.0)
    package4348 (1.0.0)
    package4349 (1.0.0)
    package4350 (1.0.0)
    package4351 (1.0.0)
    package4352 (1.0.0)
    package4353 (1.0.0)
    package4354 (1.0.0)
    package4355 (1.0.0)
    package4356 (1.0.0)
    package4357 (1.0.0)
    package4358 (1.0.0)
    package4359 (1.0.0)
    package4360 (1.0.0)
    package4361 (1.0.0)
    package4362 (1.0.0)
    package4363 (1.0.0)
    package4364 (1.0.0)
    package4365 (1.0.0)
    package4366 (1.0.0)
    package4367 (1.0.0)
    package4368 (1.0.0)
    package4369 (1.0.0)
    package4370 (1.0.0)
    package4371 (1.0.0)
    package4372 (1.0.0)
    package4373 (1.0.0)
    package4374 (1.0.0)
    package4375 (1.0.0)
    package4376 (1.0.0)
    package4377 (1.0.0)
    package4378 (1.0.0)
    package4379 (1.0.0)
    package4380 (1.0.0)
    package4381 (1.0.0)
    package4382 (1.0.0)
    package4383 (1.0.0)
    package4384 (1.0.0)
    package4385 (1.0.0)
    package4386 (1.0.0)
    package4387 (1.0.0)
    package4388 (1.0.0)
    package4389 (1.0.0)
    package4390 (1.0.0)
    package4391 (1.0.0)
    package4392 (1.0.0)
    package4393 (1.0.0)
    package4394 (1.0.0)
    package4395 (1.0.0)
    package4396 (1.0.0)
    package4397 (1.0.0)
    package4398 (1.0.0)
    package4399 (1.0.0)
    package4400 (1.0.0)
    package4401 (1.0.0)
    package4402 (1.0.0)
    package4403 (1.0.0)
    package4404 (1.0.0)
    package4405 (1.0.0)
    package4406 (1.0.0)
    package4407 (1.0.0)
    package4408 (1.0.0)
    package4409 (1.0.0)
    package4410 (1.0.0)
    package4411 (1.0.0)
    package4412 (1.0.0)
    package4413 (1.0.0)
    package4414 (1.0.0)
    package4415 (1.0.0)
    package4416 (1.0.0)
    package4417 (1.0.0)
    package4418 (1.0.0)
    package4419 (1.0.0)
    package4420 (1.0.0)
    package4421 (1.0.0)
    package4422 (1.0.0)
    package4423 (1.0.0)
    package4424 (1.0.0)
    package4425 (1.0.0)
    package4426 (1.0.0)
    package4427 (1.0.0)
    package4428 (1.0.0)
    package4429 (1.0.0)
    package4430 (1.0.0)
    package4431 (1.0.0)
    package4432 (1.0.0)
    package4433 (1.0.0)
    package4434 (1.0.0)
    package4435 (1.0.0)
    package4436 (1.0.0)
    package4437 (1.0.0)
    package4438 (1.0.0)
    package4439 (1.0.0)
    package4440 (1.0.0)
    package4441 (1.0.0)
    package4442 (1.0.0)
    package4443 (1.0.0)
    package4444 (1.0.0)
    package4445 (1.0.0)
    package4446 (1.0.0)
    package4447 (1.0.0)
    package4448 (1.0.0)
    package4449 (1.0.0)
    package4450 (1.0.0)
    package4451 (1.0.0)
    package4452 (1.0.0)
    package4453 (1.0.0)
    package4454 (1.0.0)
    package4455 (1.0.0)
    package4456 (1.0.0)
    package4457 (1.0.0)
    package4458 (1.0.0)
    package4459 (1.0.0)
    package4460 (1.0.0)
    package4461 (1.0.0)
    package4462 (1.0.0)
    package4463 (1.0.0)
    package4464 (1.0.0)
    package4465 (1.0.0)
    package4466 (1.0.0)
    package4467 (1.0.0)
    package4468 (1.0.0)
    package4469 (1.0.0)
    package4470 (1.0.0)
    package4471 (1.0.0)
    package4472 (1.0.0)
    package4473 (1.0.0)
    package4474 (1.0.0)
    package4475 (1.0.0)
    package4476 (1.0.0)
    package4477 (1.0.0)
    package4478 (1.0.0)
    package4479 (1.0.0)
    package4480 (1.0.0)
    package4481 (1.0.0)
    package4482 (1.0.0)
    package4483 (1.0.0)
    package4484 (1.0.0)
    package4485 (1.0.0)
    package4486 (1.0.0)
    package4487 (1.0.0)
    package4488 (1.0.0)
    package4489 (1.0.0)
    package4490 (1.0.0)
    package4491 (1.0.0)
    package4492 (1.0.0)
    package4493 (1.0.0)
    package4494 (1.0.0)
    package4495 (1.0.0)
    package4496 (1.0.0)
    package4497 (1.0.0)
    package4498 (1.0.0)
    package4499 (1.0.0)
    package4500 (1.0.0)
    package4501 (1.0.0)
    package4502 (1.0.0)
    package4503 (1.0.0)
    package4504 (1.0.0)
    package4505 (1.0.0)
    package4506 (1.0.0)
    package4507 (1.0.0)
    package4508 (1.0.0)
    package4509 (1.0.0)
    package4510 (1.0.0)
    package4511 (1.0.0)
    package4512 (1.0.0)
    package4513 (1.0.0)
    package4514 (1.0.0)
    package4515 (1.0.0)
    package4516 (1.0.0)
    package4517 (1.0.0)
    package4518 (1.0.0)
    package4519 (1.0.0)
    package4520 (1.0.0)
    package4521 (1.0.0)
    package4522 (1.0.0)
    package4523 (1.0.0)
    package4524 (1.0.0)
    package4525 (1.0.0)
    package4526 (1.0.0)
    package4527 (1.0.0)
    package4528 (1.0.0)
    package4529 (1.0.0)
    package4530 (1.0.0)
    package4531 (1.0.0)
    package4532 (1.0.0)
    package4533 (1.0.0)
    package4534 (1.0.0)
    package4535 (1.0.0)
    package4536 (1.0.0)
    package4537 (1.0.0)
    package4538 (1.0.0)
    package4539 (1.0.0)
    package4540 (1.0.0)
    package4541 (1.0.0)
    package4542 (1.0.0)
    package4543 (1.0.0)
    package4544 (1.0.0)
    package4545 (1.0.0)
    package4546 (1.0.0)
    package4547 (1.0.0)
    package4548 (1.0.0)
    package4549 (1.0.0)
    package4550 (1.0.0)
    package4551 (1.0.0)
    package4552 (1.0.0)
    package4553 (1.0.0)
    package4554 (1.0.0)
    package4555 (1.0.0)
    package4556 (1.0.0)
    package4557 (1.0.0)
    package4558 (1.0.0)
    package4559 (1.0.0)
    package4560 (1.0.0)
    package4561 (1.0.0)
    package4562 (1.0.0)
    package4563 (1.0.0)
    package4564 (1.0.0)
    package4565 (1.0.0)
    package4566 (1.0.0)
    package4567 (1.0.0)
    package4568 (1.0.0)
    package4569 (1.0.0)
    package4570 (1.0.0)
    package4571 (1.0.0)
    package4572 (1.0.0)
    package4573 (1.0.0)
    package4574 (1.0.0)
    package4575 (1.0.0)
    package4576 (1.0.0)
    package4577 (1.0.0)
    package4578 (1.0.0)
    package4579 (1.0.0)
    package4580 (1.0.0)
    package4581 (1.0.0)
    package4582 (1.0.0)
    package4583 (1.0.0)
    package4584 (1.0.0)
    package4585 (1.0.0)
    package4586 (1.0.0)
    package4587 (1.0.0)
    package4588 (1.0.0)
    package4589 (1.0.0)
    package4590 (1.0.0)
    package4591 (1.0.0)
    package4592 (1.0.0)
    package4593 (1.0.0)
    package4594 (1.0.0)
    package4595 (1.0.0)
    package4596 (1.0.0)
    package4597 (1.0.0)
    package4598 (1.0.0)
    package4599 (1.0.0)
    package4600 (1.0.0)
    package4601 (1.0.0)
    package4602 (1.0.0)
    package4603 (1.0.0)
    package4604 (1.0.0)
    package4605 (1.0.0)
    package4606 (1.0.0)
    package4607 (1.0.0)
    package4608 (1.0.0)
    package4609 (1.0.0)
    package4610 (1.0.0)
    package4611 (1.0.0)
    package4612 (1.0.0)
    package4613 (1.0.0)
    package4614 (1.0.0)
    package4615 (1.0.0)
    package4616 (1.0.0)
    package4617 (1.0.0)
    package4618 (1.0.0)
    package4619 (1.0.0)
    package4620 (1.0.0)
    package4621 (1.0.0)
    package4622 (1.0.0)
    package4623 (1.0.0)
    package4624 (1.0.0)
    package4625 (1.0.0)
    package4626 (1.0.0)
    package4627 (1.0.0)
    package4628 (1.0.0)
    package4629 (1.0.0)
    package4630 (1.0.0)
    package4631 (1.0.0)
    package4632 (1.0.0)
    package4633 (1.0.0)
    package4634 (1.0.0)
    package4635 (1.0.0)
    package4636 (1.0.0)
    package4637 (1.0.0)
    package4638 (1.0.0)
    package4639 (1.0.0)
    package4640 (1.0.0)
    package4641 (1.0.0)
    package4642 (1.0.0)
    package4643 (1.0.0)
    package4644 (1.0.0)
    package4645 (1.0.0)
    package4646 (1.0.0)
    package4647 (1.0.0)
    package4648 (1.0.0)
    package4649 (1.0.0)
    package4650 (1.0.0)
    package4651 (1.0.0)
    package4652 (1.0.0)
    package4653 (1.0.0)
    package4654 (1.0.0)
    package4655 (1.0.0)
    package4656 (1.0.0)
    package4657 (1.0.0)
    package4658 (1.0.0)
    package4659 (1.0.0)
    package4660 (1.0.0)
    package4661 (1.0.0)
    package4662 (1.0.0)
    package4663 (1.0.0)
    package4664 (1.0.0)
    package4665 (1.0.0)
    package4666 (1.0.0)
    package4667 (1.0.0)
    package4668 (1.0.0)
    package4669 (1.0.0)
    package4670 (1.0.0)
    package4671 (1.0.0)
    package4672 (1.0.0)
    package4673 (1.0.0)
    package4674 (1.0.0)
    package4675 (1.0.0)
    package4676 (1.0.0)
    package4677 (1.0.0)
    package4678 (1.0.0)
    package4679 (1.0.0)
    package4680 (1.0.0)
    package4681 (1.0.0)
    package4682 (1.0.0)
    package4683 (1.0.0)
    package4684 (1.0.0)
    package4685 (1.0.0)
    package4686 (1.0.0)
    package4687 (1.0.0)
    package4688 (1.0.0)
    package4689 (1.0.0)
    package4690 (1.0.0)
    package4691 (1.0.0)
    package4692 (1.0.0)
    package4693 (1.0.0)
    package4694 (1.0.0)
    package4695 (1.0.0)
    package4696 (1.0.0)
    package4697 (1.0.0)
    package4698 (1.0.0)
    package4699 (1.0.0)
    package4700 (1.0.0)
    package4701 (1.0.0)
    package4702 (1.0.0)
    package4703 (1.0.0)
    package4704 (1.0.0)
    package4705 (1.0.0)
    package4706 (1.0.0)
    package4707 (1.0.0)
    package4708 (1.0.0)
    package4709 (1.0.0)
    package4710 (1.0.0)
    package4711 (1.0.0)
    package4712 (1.0.0)
    package4713 (1.0.0)
    package4714 (1.0.0)
    package4715 (1.0.0)
    package4716 (1.0.0)
    package4717 (1.0.0)
    package4718 (1.0.0)
    package4719 (1.0.0)
    package4720 (1.0.0)
    package4721 (1.0.0)
    package4722 (1.0.0)
    package4723 (1.0.0)
    package4724 (1.0.0)
    package4725 (1.0.0)
    package4726 (1.0.0)
    package4727 (1.0.0)
    package4728 (1.0.0)
    package4729 (1.0.0)
    package4730 (1.0.0)
    package4731 (1.0.0)
    package4732 (1.0.0)
    package4733 (1.0.0)
    package4734 (1.0.0)
    package4735 (1.0.0)
    package4736 (1.0.0)
    package4737 (1.0.0)
    package4738 (1.0.0)
    package4739 (1.0.0)
    package4740 (1.0.0)
    package4741 (1.0.0)
    package4742 (1.0.0)
    package4743 (1.0.0)
    package4744 (1.0.0)
    package4745 (1.0.0)
    package4746 (1.0.0)
    package4747 (1.0.0)
    package4748 (1.0.0)
    package4749 (1.0.0)
    package4750 (1.0.0)
    package4751 (1.0.0)
    package4752 (1.0.0)
    package4753 (1.0.0)
    package4754 (1.0.0)
    package4755 (1.0.0)
    package4756 (1.0.0)
    package4757 (1.0.0)
    package4758 (1.0.0)
    package4759 (1.0.0)
    package4760 (1.0.0)
    package4761 (1.0.0)
    package4762 (1.0.0)
    package4763 (1.0.0)
    package4764 (1.0.0)
    package4765 (1.0.0)
    package4766 (1.0.0)
    package4767 (1.0.0)
    package4768 (1.0.0)
    package4769 (1.0.0)
    package4770 (1.0.0)
    package4771 (1.0.0)
    package4772 (1.0.0)
    package4773 (1.0.0)
    package4774 (1.0.0)
    package4775 (1.0.0)
    package4776 (1.0.0)
    package4777 (1.0.0)
    package4778 (1.0.0)
    package4779 (1.0.0)
    package4780 (1.0.0)
    package4781 (1.0.0)
    package4782 (1.0.0)
    package4783 (1.0.0)
    package4784 (1.0.0)
    package4785 (1.0.0)
    package4786 (1.0.0)
    package4787 (1.0.0)
    package4788 (1.0.0)
    package4789 (1.0.0)
    package4790 (1.0.0)
    package4791 (1.0.0)
    package4792 (1.0.0)
    package4793 (1.0.0)
    package4794 (1.0.0)
    package4795 (1.0.0)
    package4796 (1.0.0)
    package4797 (1.0.0)
    package4798 (1.0.0)
    package4799 (1.0.0)
    package4800 (1.0.0)
    package4801 (1.0.0)
    package4802 (1.0.0)
    package4803 (1.0.0)
    package4804 (1.0.0)
    package4805 (1.0.0)
    package4806 (1.0.0)
    package4807 (1.0.0)
    package4808 (1.0.0)
    package4809 (1.0.0)
    package4810 (1.0.0)
    package4811 (1.0.0)
    package4812 (1.0.0)
    package4813 (1.0.0)
    package4814 (1.0.0)
    package4815 (1.0.0)
    package4816 (1.0.0)
    package4817 (1.0.0)
    package4818 (1.0.0)
    package4819 (1.0.0)
    package4820 (1.0.0)
    package4821 (1.0.0)
    package4822 (1.0.0)
    package4823 (1.0.0)
    package4824 (1.0.0)
    package4825 (1.0.0)
    package4826 (1.0.0)
    package4827 (1.0.0)
    package4828 (1.0.0)
    package4829 (1.0.0)
    package4830 (1.0.0)
    package4831 (1.0.0)
    package4832 (1.0.0)
    package4833 (1.0.0)
    package4834 (1.0.0)
    package4835 (1.0.0)
    package4836 (1.0.0)
    package4837 (1.0.0)
    package4838 (1.0.0)
    package4839 (1.0.0)
    package4840 (1.0.0)
    package4841 (1.0.0)
    package4842 (1.0.0)
    package4843 (1.0.0)
    package4844 (1.0.0)
    package4845 (1.0.0)
    package4846 (1.0.0)
    package4847 (1.0.0)
    package4848 (1.0.0)
    package4849 (1.0.0)
    package4850 (1.0.0)
    package4851 (1.0.0)
    package4852 (1.0.0)
    package4853 (1.0.0)
    package4854 (1.0.0)
    package4855 (1.0.0)
    package4856 (1.0.0)
    package4857 (1.0.0)
    package4858 (1.0.0)
    package4859 (1.0.0)
    package4860 (1.0.0)
    package4861 (1.0.0)
    package4862 (1.0.0)
    package4863 (1.0.0)
    package4864 (1.0.0)
    package4865 (1.0.0)
    package4866 (1.0.0)
    package4867 (1.0.0)
    package4868 (1.0.0)
    package4869 (1.0.0)
    package4870 (1.0.0)
    package4871 (1.0.0)
    package4872 (1.0.0)
    package4873 (1.0.0)
    package4874 (1.0.0)
    package4875 (1.0.0)
    package4876 (1.0.0)
    package4877 (1.0.0)
    package4878 (1.0.0)
    package4879 (1.0.0)
    package4880 (1.0.0)
    package4881 (1.0.0)
    package4882 (1.0.0)
    package4883 (1.0.0)
    package4884 (1.0.0)
    package4885 (1.0.0)
    package4886 (1.0.0)
    package4887 (1.0.0)
    package4888 (1.0.0)
    package4889 (1.0.0)
    package4890 (1.0.0)
    package4891 (1.0.0)
    package4892 (1.0.0)
    package4893 (1.0.0)
    package4894 (1.0.0)
    package4895 (1.0.0)
    package4896 (1.0.0)
    package4897 (1.0.0)
    package4898 (1.0.0)
    package4899 (1.0.0)
    package4900 (1.0.0)
    package4901 (1.0.0)
    package4902 (1.0.0)
    package4903 (1.0.0)
    package4904 (1.0.0)
    package4905 (1.0.0)
    package4906 (1.0.0)
    package4907 (1.0.0)
    package4908 (1.0.0)
    package4909 (1.0.0)
    package4910 (1.0.0)
    package4911 (1.0.0)
    package4912 (1.0.0)
    package4913 (1.0.0)
    package4914 (1.0.0)
    package4915 (1.0.0)
    package4916 (1.0.0)
    package4917 (1.0.0)
    package4918 (1.0.0)
    package4919 (1.0.0)
    package4920 (1.0.0)
    package4921 (1.0.0)
    package4922 (1.0.0)
    package4923 (1.0.0)
    package4924 (1.0.0)
    package4925 (1.0.0)
    package4926 (1.0.0)
    package4927 (1.0.0)
    package4928 (1.0.0)
    package4929 (1.0.0)
    package4930 (1.0.0)
    package4931 (1.0.0)
    package4932 (1.0.0)
    package4933 (1.0.0)
    package4934 (1.0.0)
    package4935 (1.0.0)
    package4936 (1.0.0)
    package4937 (1.0.0)
    package4938 (1.0.0)
    package4939 (1.0.0)
    package4940 (1.0.0)
    package4941 (1.0.0)
    package4942 (1.0.0)
    package4943 (1.0.0)
    package4944 (1.0.0)
    package4945 (1.0.0)
    package4946 (1.0.0)
    package4947 (1.0.0)
    package4948 (1.0.0)
    package4949 (1.0.0)
    package4950 (1.0.0)
    package4951 (1.0.0)
    package4952 (1.0.0)
    package4953 (1.0.0)
    package4954 (1.0.0)
    package4955 (1.0.0)
    package4956 (1.0.0)
    package4957 (1.0.0)
    package4958 (1.0.0)
    package4959 (1.0.0)
    package4960 (1.0.0)
    package4961 (1.0.0)
    package4962 (1.0.0)
    package4963 (1.0.0)
    package4964 (1.0.0)
    package4965 (1.0.0)
    package4966 (1.0.0)
    package4967 (1.0.0)
    package4968 (1.0.0)
    package4969 (1.0.0)
    package4970 (1.0.0)
    package4971 (1.0.0)
    package4972 (1.0.0)
    package4973 (1.0.0)
    package4974 (1.0.0)
    package4975 (1.0.0)
    package4976 (1.0.0)
    package4977 (1.0.0)
    package4978 (1.0.0)
    package4979 (1.0.0)
    package4980 (1.0.0)
    package4981 (1.0.0)
    package4982 (1.0.0)
    package4983 (1.0.0)
    package4984 (1.0.0)
    package4985 (1.0.0)
    package4986 (1.0.0)
    package4987 (1.0.0)
    package4988 (1.0.0)
    package4989 (1.0.0)
    package4990 (1.0.0)
    package4991 (1.0.0)
    package4992 (1.0.0)
    package4993 (1.0.0)
    package4994 (1.0.0)
    package4995 (1.0.0)
    package4996 (1.0.0)
    package4997 (1.0.0)
    package4998 (1.0.0)
    package4999 (1.0.0)
    package5000 (1.0.0)
    package5001 (1.0.0)
    package5002 (1.0.0)
    package5003 (1.0.0)
    package5004 (1.0.0)
    package5005 (1.0.0)
    package5006 (1.0.0)
    package5007 (1.0.0)
    package5008 (1.0.0)
    package5009 (1.0.0)
    package5010 (1.0.0)
    package5011 (1.0.0)
    package5012 (1.0.0)
    package5013 (1.0.0)
    package5014 (1.0.0)
    package5015 (1.0.0)
    package5016 (1.0.0)
    package5017 (1.0.0)
    package5018 (1.0.0)
    package5019 (1.0.0)
    package5020 (1.0.0)
    package5021 (1.0.0)
    package5022 (1.0.0)
    package5023 (1.0.0)
    package5024 (1.0.0)
    package5025 (1.0.0)
    package5026 (1.0.0)
    package5027 (1.0.0)
    package5028 (1.0.0)
    package5029 (1.0.0)
    package5030 (1.0.0)
    package5031 (1.0.0)
    package5032 (1.0.0)
    package5033 (1.0.0)
    package5034 (1.0.0)
    package5035 (1.0.0)
    package5036 (1.0.0)
    package5037 (1.0.0)
    package5038 (1.0.0)
    package5039 (1.0.0)
    package5040 (1.0.0)
    package5041 (1.0.0)
    package5042 (1.0.0)
    package5043 (1.0.0)
    package5044 (1.0.0)
    package5045 (1.0.0)
    package5046 (1.0.0)
    package5047 (1.0.0)
    package5048 (1.0.0)
    package5049 (1.0.0)
    package5050 (1.0.0)
    package5051 (1.0.0)
    package5052 (1.0.0)
    package5053 (1.0.0)
    package5054 (1.0.0)
    package5055 (1.0.0)
    package5056 (1.0.0)
    package5057 (1.0.0)
    package5058 (1.0.0)
    package5059 (1.0.0)
    package5060 (1.0.0)
    package5061 (1.0.0)
    package5062 (1.0.0)
    package5063 (1.0.0)
    package5064 (1.0.0)
    package5065 (1.0.0)
    package5066 (1.0.0)
    package5067 (1.0.0)
    package5068 (1.0.0)
    package5069 (1.0.0)
    package5070 (1.0.0)
    package5071 (1.0.0)
    package5072 (1.0.0)
    package5073 (1.0.0)
    package5074 (1.0.0)
    package5075 (1.0.0)
    package5076 (1.0.0)
    package5077 (1.0.0)
    package5078 (1.0.0)
    package5079 (1.0.0)
    package5080 (1.0.0)
    package5081 (1.0.0)
    package5082 (1.0.0)
    package5083 (1.0.0)
    package5084 (1.0.0)
    package5085 (1.0.0)
    package5086 (1.0.0)
    package5087 (1.0.0)
    package5088 (1.0.0)
    package5089 (1.0.0)
    package5090 (1.0.0)
    package5091 (1.0.0)
    package5092 (1.0.0)
    package5093 (1.0.0)
    package5094 (1.0.0)
    package5095 (1.0.0)
    package5096 (1.0.0)
    package5097 (1.0.0)
    package5098 (1.0.0)
    package5099 (1.0.0)
    package5100 (1.0.0)
    package5101 (1.0.0)
    package5102 (1.0.0)
    package5103 (1.0.0)
    package5104 (1.0.0)
    package5105 (1.0.0)
    package5106 (1.0.0)
    package5107 (1.0.0)
    package5108 (1.0.0)
    package5109 (1.0.0)
    package5110 (1.0.0)
    package5111 (1.0.0)
    package5112 (1.0.0)
    package5113 (1.0.0)
    package5114 (1.0.0)
    package5115 (1.0.0)
    package5116 (1.0.0)
    package5117 (1.0.0)
    package5118 (1.0.0)
    package5119 (1.0.0)
    package5120 (1.0.0)
    package5121 (1.0.0)
    package5122 (1.0.0)
    package5123 (1.0.0)
    package5124 (1.0.0)
    package5125 (1.0.0)
    package5126 (1.0.0)
    package5127 (1.0.0)
    package5128 (1.0.0)
    package5129 (1.0.0)
    package5130 (1.0.0)
    package5131 (1.0.0)
    package5132 (1.0.0)
    package5133 (1.0.0)
    package5134 (1.0.0)
    package5135 (1.0.0)
    package5136 (1.0.0)
    package5137 (1.0.0)
    package5138 (1.0.0)
    package5139 (1.0.0)
    package5140 (1.0.0)
    package5141 (1.0.0)
    package5142 (1.0.0)
    package5143 (1.0.0)
    package5144 (1.0.0)
    package5145 (1.0.0)
    package5146 (1.0.0)
    package5147 (1.0.0)
    package5148 (1.0.0)
    package5149 (1.0.0)
    package5150 (1.0.0)
    package5151 (1.0.0)
    package5152 (1.0.0)
    package5153 (1.0.0)
    package5154 (1.0.0)
    package5155 (1.0.0)
    package5156 (1.0.0)
    package5157 (1.0.0)
    package5158 (1.0.0)
    package5159 (1.0.0)
    package5160 (1.0.0)
    package5161 (1.0.0)
    package5162 (1.0.0)
    package5163 (1.0.0)
    package5164 (1.0.0)
    package5165 (1.0.0)
    package5166 (1.0.0)
    package5167 (1.0.0)
    package5168 (1.0.0)
    package5169 (1.0.0)
    package5170 (1.0.0)
    package5171 (1.0.0)
    package5172 (1.0.0)
    package5173 (1.0.0)
    package5174 (1.0.0)
    package5175 (1.0.0)
    package5176 (1.0.0)
    package5177 (1.0.0)
    package5178 (1.0.0)
    package5179 (1.0.0)
    package5180 (1.0.0)
    package5181 (1.0.0)
    package5182 (1.0.0)
    package5183 (1.0.0)
    package5184 (1.0.0)
    package5185 (1.0.0)
    package5186 (1.0.0)
    package5187 (1.0.0)
    package5188 (1.0.0)
    package5189 (1.0.0)
    package5190 (1.0.0)
    package5191 (1.0.0)
    package5192 (1.0.0)
    package5193 (1.0.0)
    package5194 (1.0.0)
    package5195 (1.0.0)
    package5196 (1.0.0)
    package5197 (1.0.0)
    package5198 (1.0.0)
    package5199 (1.0.0)
    package5200 (1.0.0)
    package5201 (1.0.0)
    package5202 (1.0.0)
    package5203 (1.0.0)
    package5204 (1.0.0)
    package5205 (1.0.0)
    package5206 (1.0.0)
    package5207 (1.0.0)
    package5208 (1.0.0)
    package5209 (1.0.0)
    package5210 (1.0.0)
    package5211 (1.0.0)
    package5212 (1.0.0)
    package5213 (1.0.0)
    package5214 (1.0.0)
    package5215 (1.0.0)
    package5216 (1.0.0)
    package5217 (1.0.0)
    package5218 (1.0.0)
    package5219 (1.0.0)
    package5220 (1.0.0)
    package5221 (1.0.0)
    package5222 (1.0.0)
    package5223 (1.0.0)
    package5224 (1.0.0)
    package5225 (1.0.0)
    package5226 (1.0.0)
    package5227 (1.0.0)
    package5228 (1.0.0)
    package5229 (1.0.0)
    package5230 (1.0.0)
    package5231 (1.0.0)
    package5232 (1.0.0)
    package5233 (1.0.0)
    package5234 (1.0.0)
    package5235 (1.0.0)
    package5236 (1.0.0)
    package5237 (1.0.0)
    package5238 (1.0.0)
    package5239 (1.0.0)
    package5240 (1.0.0)
    package5241 (1.0.0)
    package5242 (1.0.0)
    package5243 (1.0.0)
    package5244 (1.0.0)
    package5245 (1.0.0)
    package5246 (1.0.0)
    package5247 (1.0.0)
    package5248 (1.0.0)
    package5249 (1.0.0)
    package5250 (1.0.0)
    package5251 (1.0.0)
    package5252 (1.0.0)
    package5253 (1.0.0)
    package5254 (1.0.0)
    package5255 (1.0.0)
    package5256 (1.0.0)
    package5257 (1.0.0)
    package5258 (1.0.0)
    package5259 (1.0.0)
    package5260 (1.0.0)
    package5261 (1.0.0)
    package5262 (1.0.0)
    package5263 (1.0.0)
    package5264 (1.0.0)
    package5265 (1.0.0)
    package5266 (1.0.0)
    package5267 (1.0.0)
    package5268 (1.0.0)
    package5269 (1.0.0)
    package5270 (1.0.0)
    package5271 (1.0.0)
    package5272 (1.0.0)
    package5273 (1.0.0)
    package5274 (1.0.0)
    package5275 (1.0.0)
    package5276 (1.0.0)
    package5277 (1.0.0)
    package5278 (1.0.0)
    package5279 (1.0.0)
    package5280 (1.0.0)
    package5281 (1.0.0)
    package5282 (1.0.0)
    package5283 (1.0.0)
    package5284 (1.0.0)
    package5285 (1.0.0)
    package5286 (1.0.0)
    package5287 (1.0.0)
    package5288 (1.0.0)
    package5289 (1.0.0)
    package5290 (1.0.0)
    package5291 (1.0.0)
    package5292 (1.0.0)
    package5293 (1.0.0)
    package5294 (1.0.0)
    package5295 (1.0.0)
    package5296 (1.0.0)
    package5297 (1.0.0)
    package5298 (1.0.0)
    package5299 (1.0.0)
    package5300 (1.0.0)
    package5301 (1.0.0)
    package5302 (1.0.0)
    package5303 (1.0.0)
    package5304 (1.0.0)
    package5305 (1.0.0)
    package5306 (1.0.0)
    package5307 (1.0.0)
    package5308 (1.0.0)
    package5309 (1.0.0)
    package5310 (1.0.0)
    package5311 (1.0.0)
    package5312 (1.0.0)
    package5313 (1.0.0)
    package5314 (1.0.0)
    package5315 (1.0.0)
    package5316 (1.0.0)
    package5317 (1.0.0)
    package5318 (1.0.0)
    package5319 (1.0.0)
    package5320 (1.0.0)
    package5321 (1.0.0)
    package5322 (1.0.0)
    package5323 (1.0.0)
    package5324 (1.0.0)
    package5325 (1.0.0)
    package5326 (1.0.0)
    package5327 (1.0.0)
    package5328 (1.0.0)
    package5329 (1.0.0)
    package5330 (1.0.0)
    package5331 (1.0.0)
    package5332 (1.0.0)
    package5333 (1.0.0)
    package5334 (1.0.0)
    package5335 (1.0.0)
    package5336 (1.0.0)
    package5337 (1.0.0)
    package5338 (1.0.0)
    package5339 (1.0.0)
    package5340 (1.0.0)
    package5341 (1.0.0)
    package5342 (1.0.0)
    package5343 (1.0.0)
    package5344 (1.0.0)
    package5345 (1.0.0)
    package5346 (1.0.0)
    package5347 (1.0.0)
    package5348 (1.0.0)
    package5349 (1.0.0)
    package5350 (1.0.0)
    package5351 (1.0.0)
    package5352 (1.0.0)
    package5353 (1.0.0)
    package5354 (1.0.0)
    package5355 (1.0.0)
    package5356 (1.0.0)
    package5357 (1.0.0)
    package5358 (1.0.0)
    package5359 (1.0.0)
    package5360 (1.0.0)
    package5361 (1.0.0)
    package5362 (1.0.0)
    package5363 (1.0.0)
    package5364 (1.0.0)
    package5365 (1.0.0)
    package5366 (1.0.0)
    package5367 (1.0.0)
    package5368 (1.0.0)
    package5369 (1.0.0)
    package5370 (1.0.0)
    package5371 (1.0.0)
    package5372 (1.0.0)
    package5373 (1.0.0)
    package5374 (1.0.0)
    package5375 (1.0.0)
    package5376 (1.0.0)
    package5377 (1.0.0)
    package5378 (1.0.0)
    package5379 (1.0.0)
    package5380 (1.0.0)
    package5381 (1.0.0)
    package5382 (1.0.0)
    package5383 (1.0.0)
    package5384 (1.0.0)
    package5385 (1.0.0)
    package5386 (1.0.0)
    package5387 (1.0.0)
    package5388 (1.0.0)
    package5389 (1.0.0)
    package5390 (1.0.0)
    package5391 (1.0.0)
    package5392 (1.0.0)
    package5393 (1.0.0)
    package5394 (1.0.0)
    package5395 (1.0.0)
    package5396 (1.0.0)
    package5397 (1.0.0)
    package5398 (1.0.0)
    package5399 (1.0.0)
    package5400 (1.0.0)
    package5401 (1.0.0)
    package5402 (1.0.0)
    package5403 (1.0.0)
    package5404 (1.0.0)
    package5405 (1.0.0)
    package5406 (1.0.0)
    package5407 (1.0.0)
    package5408 (1.0.0)
    package5409 (1.0.0)
    package5410 (1.0.0)
    package5411 (1.0.0)
    package5412 (1.0.0)
    package5413 (1.0.0)
    package5414 (1.0.0)
    package5415 (1.0.0)
    package5416 (1.0.0)
    package5417 (1.0.0)
    package5418 (1.0.0)
    package5419 (1.0.0)
    package5420 (1.0.0)
    package5421 (1.0.0)
    package5422 (1.0.0)
    package5423 (1.0.0)
    package5424 (1.0.0)
    package5425 (1.0.0)
    package5426 (1.0.0)
    package5427 (1.0.0)
    package5428 (1.0.0)
    package5429 (1.0.0)
    package5430 (1.0.0)
    package5431 (1.0.0)
    package5432 (1.0.0)
    package5433 (1.0.0)
    package5434 (1.0.0)
    package5435 (1.0.0)
    package5436 (1.0.0)
    package5437 (1.0.0)
    package5438 (1.0.0)
    package5439 (1.0.0)
    package5440 (1.0.0)
    package5441 (1.0.0)
    package5442 (1.0.0)
    package5443 (1.0.0)
    package5444 (1.0.0)
    package5445 (1.0.0)
    package5446 (1.0.0)
    package5447 (1.0.0)
    package5448 (1.0.0)
    package5449 (1.0.0)
    package5450 (1.0.0)
    package5451 (1.0.0)
    package5452 (1.0.0)
    package5453 (1.0.0)
    package5454 (1.0.0)
    package5455 (1.0.0)
    package5456 (1.0.0)
    package5457 (1.0.0)
    package5458 (1.0.0)
    package5459 (1.0.0)
    package5460 (1.0.0)
    package5461 (1.0.0)
    package5462 (1.0.0)
    package5463 (1.0.0)
    package5464 (1.0.0)
    package5465 (1.0.0)
    package5466 (1.0.0)
    package5467 (1.0.0)
    package5468 (1.0.0)
    package5469 (1.0.0)
    package5470 (1.0.0)
    package5471 (1.0.0)
    package5472 (1.0.0)
    package5473 (1.0.0)
    package5474 (1.0.0)
    package5475 (1.0.0)
    package5476 (1.0.0)
    package5477 (1.0.0)
    package5478 (1.0.0)
    package5479 (1.0.0)
    package5480 (1.0.0)
    package5481 (1.0.0)
    package5482 (1.0.0)
    package5483 (1.0.0)
    package5484 (1.0.0)
    package5485 (1.0.0)
    package5486 (1.0.0)
    package5487 (1.0.0)
    package5488 (1.0.0)
    package5489 (1.0.0)
    package5490 (1.0.0)
    package5491 (1.0.0)
    package5492 (1.0.0)
    package5493 (1.0.0)
    package5494 (1.0.0)
    package5495 (1.0.0)
    package5496 (1.0.0)
    package5497 (1.0.0)
    package5498 (1.0.0)
    package5499 (1.0.0)
    package5500 (1.0.0)
    package5501 (1.0.0)
    package5502 (1.0.0)
    package5503 (1.0.0)
    package5504 (1.0.0)
    package5505 (1.0.0)
    package5506 (1.0.0)
    package5507 (1.0.0)
    package5508 (1.0.0)
    package5509 (1.0.0)
    package5510 (1.0.0)
    package5511 (1.0.0)
    package5512 (1.0.0)
    package5513 (1.0.0)
    package5514 (1.0.0)
    package5515 (1.0.0)
    package5516 (1.0.0)
    package5517 (1.0.0)
    package5518 (1.0.0)
    package5519 (1.0.0)
    package5520 (1.0.0)
    package5521 (1.0.0)
    package5522 (1.0.0)
    package5523 (1.0.0)
    package5524 (1.0.0)
    package5525 (1.0.0)
    package5526 (1.0.0)
    package5527 (1.0.0)
    package5528 (1.0.0)
    package5529 (1.0.0)
    package5530 (1.0.0)
    package5531 (1.0.0)
    package5532 (1.0.0)
    package5533 (1.0.0)
    package5534 (1.0.0)
    package5535 (1.0.0)
    package5536 (1.0.0)
    package5537 (1.0.0)
    package5538 (1.0.0)
    package5539 (1.0.0)
    package5540 (1.0.0)
    package5541 (1.0.0)
    package5542 (1.0.0)
    package5543 (1.0.0)
    package5544 (1.0.0)
    package5545 (1.0.0)
    package5546 (1.0.0)
    package5547 (1.0.0)
    package5548 (1.0.0)
    package5549 (1.0.0)
    package5550 (1.0.0)
    package5551 (1.0.0)
    package5552 (1.0.0)
    package5553 (1.0.0)
    package5554 (1.0.0)
    package5555 (1.0.0)
    package5556 (1.0.0)
    package5557 (1.0.0)
    package5558 (1.0.0)
    package5559 (1.0.0)
    package5560 (1.0.0)
    package5561 (1.0.0)
    package5562 (1.0.0)
    package5563 (1.0.0)
    package5564 (1.0.0)
    package5565 (1.0.0)
    package5566 (1.0.0)
    package5567 (1.0.0)
    package5568 (1.0.0)
    package5569 (1.0.0)
    package5570 (1.0.0)
    package5571 (1.0.0)
    package5572 (1.0.0)
    package5573 (1.0.0)
    package5574 (1.0.0)
    package5575 (1.0.0)
    package5576 (1.0.0)
    package5577 (1.0.0)
    package5578 (1.0.0)
    package5579 (1.0.0)
    package5580 (1.0.0)
    package5581 (1.0.0)
    package5582 (1.0.0)
    package5583 (1.0.0)
    package5584 (1.0.0)
    package5585 (1.0.0)
    package5586 (1.0.0)
    package5587 (1.0.0)
    package5588 (1.0.0)
    package5589 (1.0.0)
    package5590 (1.0.0)
    package5591 (1.0.0)
    package5592 (1.0.0)
    package5593 (1.0.0)
    package5594 (1.0.0)
    package5595 (1.0.0)
    package5596 (1.0.0)
    package5597 (1.0.0)
    package5598 (1.0.0)
    package5599 (1.0.0)
    package5600 (1.0.0)
    package5601 (1.0.0)
    package5602 (1.0.0)
    package5603 (1.0.0)
    package5604 (1.0.0)
    package5605 (1.0.0)
    package5606 (1.0.0)
    package5607 (1.0.0)
    package5608 (1.0.0)
    package5609 (1.0.0)
    package5610 (1.0.0)
    package5611 (1.0.0)
    package5612 (1.0.0)
    package5613 (1.0.0)
    package5614 (1.0.0)
    package5615 (1.0.0)
    package5616 (1.0.0)
    package5617 (1.0.0)
    package5618 (1.0.0)
    package5619 (1.0.0)
    package5620 (1.0.0)
    package5621 (1.0.0)
    package5622 (1.0.0)
    package5623 (1.0.0)
    package5624 (1.0.0)
    package5625 (1.0.0)
    package5626 (1.0.0)
    package5627 (1.0.0)
    package5628 (1.0.0)
    package5629 (1.0.0)
    package5630 (1.0.0)
    package5631 (1.0.0)
    package5632 (1.0.0)
    package5633 (1.0.0)
    package5634 (1.0.0)
    package5635 (1.0.0)
    package5636 (1.0.0)
    package5637 (1.0.0)
    package5638 (1.0.0)
    package5639 (1.0.0)
    package5640 (1.0.0)
    package5641 (1.0.0)
    package5642 (1.0.0)
    package5643 (1.0.0)
    package5644 (1.0.0)
    package5645 (1.0.0)
    package5646 (1.0.0)
    package5647 (1.0.0)
    package5648 (1.0.0)
    package5649 (1.0.0)
    package5650 (1.0.0)
    package5651 (1.0.0)
    package5652 (1.0.0)
    package5653 (1.0.0)
    package5654 (1.0.0)
    package5655 (1.0.0)
    package5656 (1.0.0)
    package5657 (1.0.0)
    package5658 (1.0.0)
    package5659 (1.0.0)
    package5660 (1.0.0)
    package5661 (1.0.0)
    package5662 (1.0.0)
    package5663 (1.0.0)
    package5664 (1.0.0)
    package5665 (1.0.0)
    package5666 (1.0.0)
    package5667 (1.0.0)
    package5668 (1.0.0)
    package5669 (1.0.0)
    package5670 (1.0.0)
    package5671 (1.0.0)
    package5672 (1.0.0)
    package5673 (1.0.0)
    package5674 (1.0.0)
    package5675 (1.0.0)
    package5676 (1.0.0)
    package5677 (1.0.0)
    package5678 (1.0.0)
    package5679 (1.0.0)
    package5680 (1.0.0)
    package5681 (1.0.0)
    package5682 (1.0.0)
    package5683 (1.0.0)
    package5684 (1.0.0)
    package5685 (1.0.0)
    package5686 (1.0.0)
    package5687 (1.0.0)
    package5688 (1.0.0)
    package5689 (1.0.0)
    package5690 (1.0.0)
    package5691 (1.0.0)
    package5692 (1.0.0)
    package5693 (1.0.0)
    package5694 (1.0.0)
    package5695 (1.0.0)
    package5696 (1.0.0)
    package5697 (1.0.0)
    package5698 (1.0.0)
    package5699 (1.0.0)
    package5700 (1.0.0)
    package5701 (1.0.0)
    package5702 (1.0.0)
    package5703 (1.0.0)
    package5704 (1.0.0)
    package5705 (1.0.0)
    package5706 (1.0.0)
    package5707 (1.0.0)
    package5708 (1.0.0)
    package5709 (1.0.0)
    package5710 (1.0.0)
    package5711 (1.0.0)
    package5712 (1.0.0)
    package5713 (1.0.0)
    package5714 (1.0.0)
    package5715 (1.0.0)
    package5716 (1.0.0)
    package5717 (1.0.0)
    package5718 (1.0.0)
    package5719 (1.0.0)
    package5720 (1.0.0)
    package5721 (1.0.0)
    package5722 (1.0.0)
    package5723 (1.0.0)
    package5724 (1.0.0)
    package5725 (1.0.0)
    package5726 (1.0.0)
    package5727 (1.0.0)
    package5728 (1.0.0)
    package5729 (1.0.0)
    package5730 (1.0.0)
    package5731 (1.0.0)
    package5732 (1.0.0)
    package5733 (1.0.0)
    package5734 (1.0.0)
    package5735 (1.0.0)
    package5736 (1.0.0)
    package5737 (1.0.0)
    package5738 (1.0.0)
    package5739 (1.0.0)
    package5740 (1.0.0)
    package5741 (1.0.0)
    package5742 (1.0.0)
    package5743 (1.0.0)
    package5744 (1.0.0)
    package5745 (1.0.0)
    package5746 (1.0.0)
    package5747 (1.0.0)
    package5748 (1.0.0)
    package5749 (1.0.0)
    package5750 (1.0.0)
    package5751 (1.0.0)
    package5752 (1.0.0)
    package5753 (1.0.0)
    package5754 (1.0.0)
    package5755 (1.0.0)
    package5756 (1.0.0)
    package5757 (1.0.0)
    package5758 (1.0.0)
    package5759 (1.0.0)
    package5760 (1.0.0)
    package5761 (1.0.0)
    package5762 (1.0.0)
    package5763 (1.0.0)
    package5764 (1.0.0)
    package5765 (1.0.0)
    package5766 (1.0.0)
    package5767 (1.0.0)
    package5768 (1.0.0)
    package5769 (1.0.0)
    package5770 (1.0.0)
    package5771 (1.0.0)
    package5772 (1.0.0)
    package5773 (1.0.0)
    package5774 (1.0.0)
    package5775 (1.0.0)
    package5776 (1.0.0)
    package5777 (1.0.0)
    package5778 (1.0.0)
    package5779 (1.0.0)
    package5780 (1.0.0)
    package5781 (1.0.0)
    package5782 (1.0.0)
    package5783 (1.0.0)
    package5784 (1.0.0)
    package5785 (1.0.0)
    package5786 (1.0.0)
    package5787 (1.0.0)
    package5788 (1.0.0)
    package5789 (1.0.0)
    package5790 (1.0.0)
    package5791 (1.0.0)
    package5792 (1.0.0)
    package5793 (1.0.0)
    package5794 (1.0.0)
    package5795 (1.0.0)
    package5796 (1.0.0)
    package5797 (1.0.0)
    package5798 (1.0.0)
    package5799 (1.0.0)
    package5800 (1.0.0)
    package5801 (1.0.0)
    package5802 (1.0.0)
    package5803 (1.0.0)
    package5804 (1.0.0)
    package5805 (1.0.0)
    package5806 (1.0.0)
    package5807 (1.0.0)
    package5808 (1.0.0)
    package5809 (1.0.0)
    package5810 (1.0.0)
    package5811 (1.0.0)
    package5812 (1.0.0)
    package5813 (1.0.0)
    package5814 (1.0.0)
    package5815 (1.0.0)
    package5816 (1.0.0)
    package5817 (1.0.0)
    package5818 (1.0.0)
    package5819 (1.0.0)
    package5820 (1.0.0)
    package5821 (1.0.0)
    package5822 (1.0.0)
    package5823 (1.0.0)
    package5824 (1.0.0)
    package5825 (1.0.0)
    package5826 (1.0.0)
    package5827 (1.0.0)
    package5828 (1.0.0)
    package5829 (1.0.0)
    package5830 (1.0.0)
    package5831 (1.0.0)
    package5832 (1.0.0)
    package5833 (1.0.0)
    package5834 (1.0.0)
    package5835 (1.0.0)
    package5836 (1.0.0)
    package5837 (1.0.0)
    package5838 (1.0.0)
    package5839 (1.0.0)
    package5840 (1.0.0)
    package5841 (1.0.0)
    package5842 (1.0.0)
    package5843 (1.0.0)
    package5844 (1.0.0)
    package5845 (1.0.0)
    package5846 (1.0.0)
    package5847 (1.0.0)
    package5848 (1.0.0)
    package5849 (1.0.0)
    package5850 (1.0.0)
    package5851 (1.0.0)
    package5852 (1.0.0)
    package5853 (1.0.0)
    package5854 (1.0.0)
    package5855 (1.0.0)
    package5856 (1.0.0)
    package5857 (1.0.0)
    package5858 (1.0.0)
    package5859 (1.0.0)
    package5860 (1.0.0)
    package5861 (1.0.0)
    package5862 (1.0.0)
    package5863 (1.0.0)
    package5864 (1.0.0)
    package5865 (1.0.0)
    package5866 (1.0.0)
    package5867 (1.0.0)
    package5868 (1.0.0)
    package5869 (1.0.0)
    package5870 (1.0.0)
    package5871 (1.0.0)
    package5872 (1.0.0)
    package5873 (1.0.0)
    package5874 (1.0.0)
    package5875 (1.0.0)
    package5876 (1.0.0)
    package5877 (1.0.0)
    package5878 (1.0.0)
    package5879 (1.0.0)
    package5880 (1.0.0)
    package5881 (1.0.0)
    package5882 (1.0.0)
    package5883 (1.0.0)
    package5884 (1.0.0)
    package5885 (1.0.0)
    package5886 (1.0.0)
    package5887 (1.0.0)
    package5888 (1.0.0)
    package5889 (1.0.0)
    package5890 (1.0.0)
    package5891 (1.0.0)
    package5892 (1.0.0)
    package5893 (1.0.0)
    package5894 (1.0.0)
    package5895 (1.0.0)
    package5896 (1.0.0)
    package5897 (1.0.0)
    package5898 (1.0.0)
    package5899 (1.0.0)
    package5900 (1.0.0)
    package5901 (1.0.0)
    package5902 (1.0.0)
    package5903 (1.0.0)
    package5904 (1.0.0)
    package5905 (1.0.0)
    package5906 (1.0.0)
    package5907 (1.0.0)
    package5908 (1.0.0)
    package5909 (1.0.0)
    package5910 (1.0.0)
    package5911 (1.0.0)
    package5912 (1.0.0)
    package5913 (1.0.0)
    package5914 (1.0.0)
    package5915 (1.0.0)
    package5916 (1.0.0)
    package5917 (1.0.0)
    package5918 (1.0.0)
    package5919 (1.0.0)
    package5920 (1.0.0)
    package5921 (1.0.0)
    package5922 (1.0.0)
    package5923 (1.0.0)
    package5924 (1.0.0)
    package5925 (1.0.0)
    package5926 (1.0.0)
    package5927 (1.0.0)
    package5928 (1.0.0)
    package5929 (1.0.0)
    package5930 (1.0.0)
    package5931 (1.0.0)
    package5932 (1.0.0)
    package5933 (1.0.0)
    package5934 (1.0.0)
    package5935 (1.0.0)
    package5936 (1.0.0)
    package5937 (1.0.0)
    package5938 (1.0.0)
    package5939 (1.0.0)
    package5940 (1.0.0)
    package5941 (1.0.0)
    package5942 (1.0.0)
    package5943 (1.0.0)
    package5944 (1.0.0)
    package5945 (1.0.0)
    package5946 (1.0.0)
    package5947 (1.0.0)
    package5948 (1.0.0)
    package5949 (1.0.0)
    package5950 (1.0.0)
    package5951 (1.0.0)
    package5952 (1.0.0)
    package5953 (1.0.0)
    package5954 (1.0.0)
    package5955 (1.0.0)
    package5956 (1.0.0)
    package5957 (1.0.0)
    package5958 (1.0.0)
    package5959 (1.0.0)
    package5960 (1.0.0)
    package5961 (1.0.0)
    package5962 (1.0.0)
    package5963 (1.0.0)
    package5964 (1.0.0)
    package5965 (1.0.0)
    package5966 (1.0.0)
    package5967 (1.0.0)
    package5968 (1.0.0)
    package5969 (1.0.0)
    package5970 (1.0.0)
    package5971 (1.0.0)
    package5972 (1.0.0)
    package5973 (1.0.0)
    package5974 (1.0.0)
    package5975 (1.0.0)
    package5976 (1.0.0)
    package5977 (1.0.0)
    package5978 (1.0.0)
    package5979 (1.0.0)
    package5980 (1.0.0)
    package5981 (1.0.0)
    package5982 (1.0.0)
    package5983 (1.0.0)
    package5984 (1.0.0)
    package5985 (1.0.0)
    package5986 (1.0.0)
    package5987 (1.0.0)
    package5988 (1.0.0)
    package5989 (1.0.0)
    package5990 (1.0.0)
    package5991 (1.0.0)
    package5992 (1.0.0)
    package5993 (1.0.0)
    package5994 (1.0.0)
    package5995 (1.0.0)
    package5996 (1.0.0)
    package5997 (1.0.0)
    package5998 (1.0.0)
    package5999 (1.0.0)
    package6000 (1.0.0)
    package6001 (1.0.0)
    package6002 (1.0.0)
    package6003 (1.0.0)
    package6004 (1.0.0)
    package6005 (1.0.0)
    package6006 (1.0.0)
    package6007 (1.0.0)
    package6008 (1.0.0)
    package6009 (1.0.0)
    package6010 (1.0.0)
    package6011 (1.0.0)
    package6012 (1.0.0)
    package6013 (1.0.0)
    package6014 (1.0.0)
    package6015 (1.0.0)
    package6016 (1.0.0)
    package6017 (1.0.0)
    package6018 (1.0.0)
    package6019 (1.0.0)
    package6020 (1.0.0)
    package6021 (1.0.0)
    package6022 (1.0.0)
    package6023 (1.0.0)
    package6024 (1.0.0)
    package6025 (1.0.0)
    package6026 (1.0.0)
    package6027 (1.0.0)
    package6028 (1.0.0)
    package6029 (1.0.0)
    package6030 (1.0.0)
    package6031 (1.0.0)
    package6032 (1.0.0)
    package6033 (1.0.0)
    package6034 (1.0.0)
    package6035 (1.0.0)
    package6036 (1.0.0)
    package6037 (1.0.0)
    package6038 (1.0.0)
    package6039 (1.0.0)
    package6040 (1.0.0)
    package6041 (1.0.0)
    package6042 (1.0.0)
    package6043 (1.0.0)
    package6044 (1.0.0)
    package6045 (1.0.0)
    package6046 (1.0.0)
    package6047 (1.0.0)
    package6048 (1.0.0)
    package6049 (1.0.0)
    package6050 (1.0.0)
    package6051 (1.0.0)
    package6052 (1.0.0)
    package6053 (1.0.0)
    package6054 (1.0.0)
    package6055 (1.0.0)
    package6056 (1.0.0)
    package6057 (1.0.0)
    package6058 (1.0.0)
    package6059 (1.0.0)
    package6060 (1.0.0)
    package6061 (1.0.0)
    package6062 (1.0.0)
    package6063 (1.0.0)
    package6064 (1.0.0)
    package6065 (1.0.0)
    package6066 (1.0.0)
    package6067 (1.0.0)
    package6068 (1.0.0)
    package6069 (1.0.0)
    package6070 (1.0.0)
    package6071 (1.0.0)
    package6072 (1.0.0)
    package6073 (1.0.0)
    package6074 (1.0.0)
    package6075 (1.0.0)
    package6076 (1.0.0)
    package6077 (1.0.0)
    package6078 (1.0.0)
    package6079 (1.0.0)
    package6080 (1.0.0)
    package6081 (1.0.0)
    package6082 (1.0.0)
    package6083 (1.0.0)
    package6084 (1.0.0)
    package6085 (1.0.0)
    package6086 (1.0.0)
    package6087 (1.0.0)
    package6088 (1.0.0)
    package6089 (1.0.0)
    package6090 (1.0.0)
    package6091 (1.0.0)
    package6092 (1.0.0)
    package6093 (1.0.0)
    package6094 (1.0.0)
    package6095 (1.0.0)
    package6096 (1.0.0)
    package6097 (1.0.0)
    package6098 (1.0.0)
    package6099 (1.0.0)
    package6100 (1.0.0)
    package6101 (1.0.0)
    package6102 (1.0.0)
    package6103 (1.0.0)
    package6104 (1.0.0)
    package6105 (1.0.0)
    package6106 (1.0.0)
    package6107 (1.0.0)
    package6108 (1.0.0)
    package6109 (1.0.0)
    package6110 (1.0.0)
    package6111 (1.0.0)
    package6112 (1.0.0)
    package6113 (1.0.0)
    package6114 (1.0.0)
    package6115 (1.0.0)
    package6116 (1.0.0)
    package6117 (1.0.0)
    package6118 (1.0.0)
    package6119 (1.0.0)
    package6120 (1.0.0)
    package6121 (1.0.0)
    package6122 (1.0.0)
    package6123 (1.0.0)
    package6124 (1.0.0)
    package6125 (1.0.0)
    package6126 (1.0.0)
    package6127 (1.0.0)
    package6128 (1.0.0)
    package6129 (1.0.0)
    package6130 (1.0.0)
    package6131 (1.0.0)
    package6132 (1.0.0)
    package6133 (1.0.0)
    package6134 (1.0.0)
    package6135 (1.0.0)
    package6136 (1.0.0)
    package6137 (1.0.0)
    package6138 (1.0.0)
    package6139 (1.0.0)
    package6140 (1.0.0)
    package6141 (1.0.0)
    package6142 (1.0.0)
    package6143 (1.0.0)
    package6144 (1.0.0)
    package6145 (1.0.0)
    package6146 (1.0.0)
    package6147 (1.0.0)
    package6148 (1.0.0)
    package6149 (1.0.0)
    package6150 (1.0.0)
    package6151 (1.0.0)
    package6152 (1.0.0)
    package6153 (1.0.0)
    package6154 (1.0.0)
    package6155 (1.0.0)
    package6156 (1.0.0)
    package6157 (1.0.0)
    package6158 (1.0.0)
    package6159 (1.0.0)
    package6160 (1.0.0)
    package6161 (1.0.0)
    package6162 (1.0.0)
    package6163 (1.0.0)
    package6164 (1.0.0)
    package6165 (1.0.0)
    package6166 (1.0.0)
    package6167 (1.0.0)
    package6168 (1.0.0)
    package6169 (1.0.0)
    package6170 (1.0.0)
    package6171 (1.0.0)
    package6172 (1.0.0)
    package6173 (1.0.0)
    package6174 (1.0.0)
    package6175 (1.0.0)
    package6176 (1.0.0)
    package6177 (1.0.0)
    package6178 (1.0.0)
    package6179 (1.0.0)
    package6180 (1.0.0)
    package6181 (1.0.0)
    package6182 (1.0.0)
    package6183 (1.0.0)
    package6184 (1.0.0)
    package6185 (1.0.0)
    package6186 (1.0.0)
    package6187 (1.0.0)
    package6188 (1.0.0)
    package6189 (1.0.0)
    package6190 (1.0.0)
    package6191 (1.0.0)
    package6192 (1.0.0)
    package6193 (1.0.0)
    package6194 (1.0.0)
    package6195 (1.0.0)
    package6196 (1.0.0)
    package6197 (1.0.0)
    package6198 (1.0.0)
    package6199 (1.0.0)
    package6200 (1.0.0)
    package6201 (1.0.0)
    package6202 (1.0.0)
    package6203 (1.0.0)
    package6204 (1.0.0)
    package6205 (1.0.0)
    package6206 (1.0.0)
    package6207 (1.0.0)
    package6208 (1.0.0)
    package6209 (1.0.0)
    package6210 (1.0.0)
    package6211 (1.0.0)
    package6212 (1.0.0)
    package6213 (1.0.0)
    package6214 (1.0.0)
    package6215 (1.0.0)
    package6216 (1.0.0)
    package6217 (1.0.0)
    package6218 (1.0.0)
    package6219 (1.0.0)
    package6220 (1.0.0)
    package6221 (1.0.0)
    package6222 (1.0.0)
    package6223 (1.0.0)
    package6224 (1.0.0)
    package6225 (1.0.0)
    package6226 (1.0.0)
    package6227 (1.0.0)
    package6228 (1.0.0)
    package6229 (1.0.0)
    package6230 (1.0.0)
    package6231 (1.0.0)
    package6232 (1.0.0)
    package6233 (1.0.0)
    package6234 (1.0.0)
    package6235 (1.0.0)
    package6236 (1.0.0)
    package6237 (1.0.0)
    package6238 (1.0.0)
    package6239 (1.0.0)
    package6240 (1.0.0)
    package6241 (1.0.0)
    package6242 (1.0.0)
    package6243 (1.0.0)
    package6244 (1.0.0)
    package6245 (1.0.0)
    package6246 (1.0.0)
    package6247 (1.0.0)
    package6248 (1.0.0)
    package6249 (1.0.0)
    package6250 (1.0.0)
    package6251 (1.0.0)
    package6252 (1.0.0)
    package6253 (1.0.0)
    package6254 (1.0.0)
    package6255 (1.0.0)
    package6256 (1.0.0)
    package6257 (1.0.0)
    package6258 (1.0.0)
    package6259 (1.0.0)
    package6260 (1.0.0)
    package6261 (1.0.0)
    package6262 (1.0.0)
    package6263 (1.0.0)
    package6264 (1.0.0)
    package6265 (1.0.0)
    package6266 (1.0.0)
    package6267 (1.0.0)
    package6268 (1.0.0)
    package6269 (1.0.0)
    package6270 (1.0.0)
    package6271 (1.0.0)
    package6272 (1.0.0)
    package6273 (1.0.0)
    package6274 (1.0.0)
    package6275 (1.0.0)
    package6276 (1.0.0)
    package6277 (1.0.0)
    package6278 (1.0.0)
    package6279 (1.0.0)
    package6280 (1.0.0)
    package6281 (1.0.0)
    package6282 (1.0.0)
    package6283 (1.0.0)
    package6284 (1.0.0)
    package6285 (1.0.0)
    package6286 (1.0.0)
    package6287 (1.0.0)
    package6288 (1.0.0)
    package6289 (1.0.0)
    package6290 (1.0.0)
    package6291 (1.0.0)
    package6292 (1.0.0)
    package6293 (1.0.0)
    package6294 (1.0.0)
    package6295 (1.0.0)
    package6296 (1.0.0)
    package6297 (1.0.0)
    package6298 (1.0.0)
    package6299 (1.0.0)
    package6300 (1.0.0)
    package6301 (1.0.0)
    package6302 (1.0.0)
    package6303 (1.0.0)
    package6304 (1.0.0)
    package6305 (1.0.0)
    package6306 (1.0.0)
    package6307 (1.0.0)
    package6308 (1.0.0)
    package6309 (1.0.0)
    package6310 (1.0.0)
    package6311 (1.0.0)
    package6312 (1.0.0)
    package6313 (1.0.0)
    package6314 (1.0.0)
    package6315 (1.0.0)
    package6316 (1.0.0)
    package6317 (1.0.0)
    package6318 (1.0.0)
    package6319 (1.0.0)
    package6320 (1.0.0)
    package6321 (1.0.0)
    package6322 (1.0.0)
    package6323 (1.0.0)
    package6324 (1.0.0)
    package6325 (1.0.0)
    package6326 (1.0.0)
    package6327 (1.0.0)
    package6328 (1.0.0)
    package6329 (1.0.0)
    package6330 (1.0.0)
    package6331 (1.0.0)
    package6332 (1.0.0)
    package6333 (1.0.0)
    package6334 (1.0.0)
    package6335 (1.0.0)
    package6336 (1.0.0)
    package6337 (1.0.0)
    package6338 (1.0.0)
    package6339 (1.0.0)
    package6340 (1.0.0)
    package6341 (1.0.0)
    package6342 (1.0.0)
    package6343 (1.0.0)
    package6344 (1.0.0)
    package6345 (1.0.0)
    package6346 (1.0.0)
    package6347 (1.0.0)
    package6348 (1.0.0)
    package6349 (1.0.0)
    package6350 (1.0.0)
    package6351 (1.0.0)
    package6352 (1.0.0)
    package6353 (1.0.0)
    package6354 (1.0.0)
    package6355 (1.0.0)
    package6356 (1.0.0)
    package6357 (1.0.0)
    package6358 (1.0.0)
    package6359 (1.0.0)
    package6360 (1.0.0)
    package6361 (1.0.0)
    package6362 (1.0.0)
    package6363 (1.0.0)
    package6364 (1.0.0)
    package6365 (1.0.0)
    package6366 (1.0.0)
    package6367 (1.0.0)
    package6368 (1.0.0)
    package6369 (1.0.0)
    package6370 (1.0.0)
    package6371 (1.0.0)
    package6372 (1.0.0)
    package6373 (1.0.0)
    package6374 (1.0.0)
    package6375 (1.0.0)
    package6376 (1.0.0)
    package6377 (1.0.0)
    package6378 (1.0.0)
    package6379 (1.0.0)
    package6380 (1.0.0)
    package6381 (1.0.0)
    package6382 (1.0.0)
    package6383 (1.0.0)
    package6384 (1.0.0)
    package6385 (1.0.0)
    package6386 (1.0.0)
    package6387 (1.0.0)
    package6388 (1.0.0)
    package6389 (1.0.0)
    package6390 (1.0.0)
    package6391 (1.0.0)
    package6392 (1.0.0)
    package6393 (1.0.0)
    package6394 (1.0.0)
    package6395 (1.0.0)
    package6396 (1.0.0)
    package6397 (1.0.0)
    package6398 (1.0.0)
    package6399 (1.0.0)
    package6400 (1.0.0)
    package6401 (1.0.0)
    package6402 (1.0.0)
    package6403 (1.0.0)
    package6404 (1.0.0)
    package6405 (1.0.0)
    package6406 (1.0.0)
    package6407 (1.0.0)
    package6408 (1.0.0)
    package6409 (1.0.0)
    package6410 (1.0.0)
    package6411 (1.0.0)
    package6412 (1.0.0)
    package6413 (1.0.0)
    package6414 (1.0.0)
    package6415 (1.0.0)
    package6416 (1.0.0)
    package6417 (1.0.0)
    package6418 (1.0.0)
    package6419 (1.0.0)
    package6420 (1.0.0)
    package6421 (1.0.0)
    package6422 (1.0.0)
    package6423 (1.0.0)
    package6424 (1.0.0)
    package6425 (1.0.0)
    package6426 (1.0.0)
    package6427 (1.0.0)
    package6428 (1.0.0)
    package6429 (1.0.0)
    package6430 (1.0.0)
    package6431 (1.0.0)
    package6432 (1.0.0)
    package6433 (1.0.0)
    package6434 (1.0.0)
    package6435 (1.0.0)
    package6436 (1.0.0)
    package6437 (1.0.0)
    package6438 (1.0.0)
    package6439 (1.0.0)
    package6440 (1.0.0)
    package6441 (1.0.0)
    package6442 (1.0.0)
    package6443 (1.0.0)
    package6444 (1.0.0)
    package6445 (1.0.0)
    package6446 (1.0.0)
    package6447 (1.0.0)
    package6448 (1.0.0)
    package6449 (1.0.0)
    package6450 (1.0.0)
    package6451 (1.0.0)
    package6452 (1.0.0)
    package6453 (1.0.0)
    package6454 (1.0.0)
    package6455 (1.0.0)
    package6456 (1.0.0)
    package6457 (1.0.0)
    package6458 (1.0.0)
    package6459 (1.0.0)
    package6460 (1.0.0)
    package6461 (1.0.0)
    package6462 (1.0.0)
    package6463 (1.0.0)
    package6464 (1.0.0)
    package6465 (1.0.0)
    package6466 (1.0.0)
    package6467 (1.0.0)
    package6468 (1.0.0)
    package6469 (1.0.0)
    package6470 (1.0.0)
    package6471 (1.0.0)
    package6472 (1.0.0)
    package6473 (1.0.0)
    package6474 (1.0.0)
    package6475 (1.0.0)
    package6476 (1.0.0)
    package6477 (1.0.0)
    package6478 (1.0.0)
    package6479 (1.0.0)
    package6480 (1.0.0)
    package6481 (1.0.0)
    package6482 (1.0.0)
    package6483 (1.0.0)
    package6484 (1.0.0)
    package6485 (1.0.0)
    package6486 (1.0.0)
    package6487 (1.0.0)
    package6488 (1.0.0)
    package6489 (1.0.0)
    package6490 (1.0.0)
    package6491 (1.0.0)
    package6492 (1.0.0)
    package6493 (1.0.0)
    package6494 (1.0.0)
    package6495 (1.0.0)
    package6496 (1.0.0)
    package6497 (1.0.0)
    package6498 (1.0.0)
    package6499 (1.0.0)
    package6500 (1.0.0)
    package6501 (1.0.0)
    package6502 (1.0.0)
    package6503 (1.0.0)
    package6504 (1.0.0)
    package6505 (1.0.0)
    package6506 (1.0.0)
    package6507 (1.0.0)
    package6508 (1.0.0)
    package6509 (1.0.0)
    package6510 (1.0.0)
    package6511 (1.0.0)
    package6512 (1.0.0)
    package6513 (1.0.0)
    package6514 (1.0.0)
    package6515 (1.0.0)
    package6516 (1.0.0)
    package6517 (1.0.0)
    package6518 (1.0.0)
    package6519 (1.0.0)
    package6520 (1.0.0)
    package6521 (1.0.0)
    package6522 (1.0.0)
    package6523 (1.0.0)
    package6524 (1.0.0)
    package6525 (1.0.0)
    package6526 (1.0.0)
    package6527 (1.0.0)
    package6528 (1.0.0)
    package6529 (1.0.0)
    package6530 (1.0.0)
    package6531 (1.0.0)
    package6532 (1.0.0)
    package6533 (1.0.0)
    package6534 (1.0.0)
    package6535 (1.0.0)
    package6536 (1.0.0)
    package6537 (1.0.0)
    package6538 (1.0.0)
    package6539 (1.0.0)
    package6540 (1.0.0)
    package6541 (1.0.0)
    package6542 (1.0.0)
    package6543 (1.0.0)
    package6544 (1.0.0)
    package6545 (1.0.0)
    package6546 (1.0.0)
    package6547 (1.0.0)
    package6548 (1.0.0)
    package6549 (1.0.0)
    package6550 (1.0.0)
    package6551 (1.0.0)
    package6552 (1.0.0)
    package6553 (1.0.0)
    package6554 (1.0.0)
    package6555 (1.0.0)
    package6556 (1.0.0)
    package6557 (1.0.0)
    package6558 (1.0.0)
    package6559 (1.0.0)
    package6560 (1.0.0)
    package6561 (1.0.0)
    package6562 (1.0.0)
    package6563 (1.0.0)
    package6564 (1.0.0)
    package6565 (1.0.0)
    package6566 (1.0.0)
    package6567 (1.0.0)
    package6568 (1.0.0)
    package6569 (1.0.0)
    package6570 (1.0.0)
    package6571 (1.0.0)
    package6572 (1.0.0)
    package6573 (1.0.0)
    package6574 (1.0.0)
    package6575 (1.0.0)
    package6576 (1.0.0)
    package6577 (1.0.0)
    package6578 (1.0.0)
    package6579 (1.0.0)
    package6580 (1.0.0)
    package6581 (1.0.0)
    package6582 (1.0.0)
    package6583 (1.0.0)
    package6584 (1.0.0)
    package6585 (1.0.0)
    package6586 (1.0.0)
    package6587 (1.0.0)
    package6588 (1.0.0)
    package6589 (1.0.0)
    package6590 (1.0.0)
    package6591 (1.0.0)
    package6592 (1.0.0)
    package6593 (1.0.0)
    package6594 (1.0.0)
    package6595 (1.0.0)
    package6596 (1.0.0)
    package6597 (1.0.0)
    package6598 (1.0.0)
    package6599 (1.0.0)
    package6600 (1.0.0)
    package6601 (1.0.0)
    package6602 (1.0.0)
    package6603 (1.0.0)
    package6604 (1.0.0)
    package6605 (1.0.0)
    package6606 (1.0.0)
    package6607 (1.0.0)
    package6608 (1.0.0)
    package6609 (1.0.0)
    package6610 (1.0.0)
    package6611 (1.0.0)
    package6612 (1.0.0)
    package6613 (1.0.0)
    package6614 (1.0.0)
    package6615 (1.0.0)
    package6616 (1.0.0)
    package6617 (1.0.0)
    package6618 (1.0.0)
    package6619 (1.0.0)
    package6620 (1.0.0)
    package6621 (1.0.0)
    package6622 (1.0.0)
    package6623 (1.0.0)
    package6624 (1.0.0)
    package6625 (1.0.0)
    package6626 (1.0.0)
    package6627 (1.0.0)
    package6628 (1.0.0)
    package6629 (1.0.0)
    package6630 (1.0.0)
    package6631 (1.0.0)
    package6632 (1.0.0)
    package6633 (1.0.0)
    package6634 (1.0.0)
    package6635 (1.0.0)
    package6636 (1.0.0)
    package6637 (1.0.0)
    package6638 (1.0.0)
    package6639 (1.0.0)
    package6640 (1.0.0)
    package6641 (1.0.0)
    package6642 (1.0.0)
    package6643 (1.0.0)
    package6644 (1.0.0)
    package6645 (1.0.0)
    package6646 (1.0.0)
    package6647 (1.0.0)
    package6648 (1.0.0)
    package6649 (1.0.0)
    package6650 (1.0.0)
    package6651 (1.0.0)
    package6652 (1.0.0)
    package6653 (1.0.0)
    package6654 (1.0.0)
    package6655 (1.0.0)
    package6656 (1.0.0)
    package6657 (1.0.0)
    package6658 (1.0.0)
    package6659 (1.0.0)
    package6660 (1.0.0)
    package6661 (1.0.0)
    package6662 (1.0.0)
    package6663 (1.0.0)
    package6664 (1.0.0)
    package6665 (1.0.0)
    package6666 (1.0.0)
    package6667 (1.0.0)
    package6668 (1.0.0)
    package6669 (1.0.0)
    package6670 (1.0.0)
    package6671 (1.0.0)
    package6672 (1.0.0)
    package6673 (1.0.0)
    package6674 (1.0.0)
    package6675 (1.0.0)
    package6676 (1.0.0)
    package6677 (1.0.0)
    package6678 (1.0.0)
    package6679 (1.0.0)
    package6680 (1.0.0)
    package6681 (1.0.0)
    package6682 (1.0.0)
    package6683 (1.0.0)
    package6684 (1.0.0)
    package6685 (1.0.0)
    package6686 (1.0.0)
    package6687 (1.0.0)
    package6688 (1.0.0)
    package6689 (1.0.0)
    package6690 (1.0.0)
    package6691 (1.0.0)
    package6692 (1.0.0)
    package6693 (1.0.0)
    package6694 (1.0.0)
    package6695 (1.0.0)
    package6696 (1.0.0)
    package6697 (1.0.0)
    package6698 (1.0.0)
    package6699 (1.0.0)
    package6700 (1.0.0)
    package6701 (1.0.0)
    package6702 (1.0.0)
    package6703 (1.0.0)
    package6704 (1.0.0)
    package6705 (1.0.0)
    package6706 (1.0.0)
    package6707 (1.0.0)
    package6708 (1.0.0)
    package6709 (1.0.0)
    package6710 (1.0.0)
    package6711 (1.0.0)
    package6712 (1.0.0)
    package6713 (1.0.0)
    package6714 (1.0.0)
    package6715 (1.0.0)
    package6716 (1.0.0)
    package6717 (1.0.0)
    package6718 (1.0.0)
    package6719 (1.0.0)
    package6720 (1.0.0)
    package6721 (1.0.0)
    package6722 (1.0.0)
    package6723 (1.0.0)
    package6724 (1.0.0)
    package6725 (1.0.0)
    package6726 (1.0.0)
    package6727 (1.0.0)
    package6728 (1.0.0)
    package6729 (1.0.0)
    package6730 (1.0.0)
    package6731 (1.0.0)
    package6732 (1.0.0)
    package6733 (1.0.0)
    package6734 (1.0.0)
    package6735 (1.0.0)
    package6736 (1.0.0)
    package6737 (1.0.0)
    package6738 (1.0.0)
    package6739 (1.0.0)
    package6740 (1.0.0)
    package6741 (1.0.0)
    package6742 (1.0.0)
    package6743 (1.0.0)
    package6744 (1.0.0)
    package6745 (1.0.0)
    package6746 (1.0.0)
    package6747 (1.0.0)
    package6748 (1.0.0)
    package6749 (1.0.0)
    package6750 (1.0.0)
    package6751 (1.0.0)
    package6752 (1.0.0)
    package6753 (1.0.0)
    package6754 (1.0.0)
    package6755 (1.0.0)
    package6756 (1.0.0)
    package6757 (1.0.0)
    package6758 (1.0.0)
    package6759 (1.0.0)
    package6760 (1.0.0)
    package6761 (1.0.0)
    package6762 (1.0.0)
    package6763 (1.0.0)
    package6764 (1.0.0)
    package6765 (1.0.0)
    package6766 (1.0.0)
    package6767 (1.0.0)
    package6768 (1.0.0)
    package6769 (1.0.0)
    package6770 (1.0.0)
    package6771 (1.0.0)
    package6772 (1.0.0)
    package6773 (1.0.0)
    package6774 (1.0.0)
    package6775 (1.0.0)
    package6776 (1.0.0)
    package6777 (1.0.0)
    package6778 (1.0.0)
    package6779 (1.0.0)
    package6780 (1.0.0)
    package6781 (1.0.0)
    package6782 (1.0.0)
    package6783 (1.0.0)
    package6784 (1.0.0)
    package6785 (1.0.0)
    package6786 (1.0.0)
    package6787 (1.0.0)
    package6788 (1.0.0)
    package6789 (1.0.0)
    package6790 (1.0.0)
    package6791 (1.0.0)
    package6792 (1.0.0)
    package6793 (1.0.0)
    package6794 (1.0.0)
    package6795 (1.0.0)
    package6796 (1.0.0)
    package6797 (1.0.0)
    package6798 (1.0.0)
    package6799 (1.0.0)
    package6800 (1.0.0)
    package6801 (1.0.0)
    package6802 (1.0.0)
    package6803 (1.0.0)
    package6804 (1.0.0)
    package6805 (1.0.0)
    package6806 (1.0.0)
    package6807 (1.0.0)
    package6808 (1.0.0)
    package6809 (1.0.0)
    package6810 (1.0.0)
    package6811 (1.0.0)
    package6812 (1.0.0)
    package6813 (1.0.0)
    package6814 (1.0.0)
    package6815 (1.0.0)
    package6816 (1.0.0)
    package6817 (1.0.0)
    package6818 (1.0.0)
    package6819 (1.0.0)
    package6820 (1.0.0)
    package6821 (1.0.0)
    package6822 (1.0.0)
    package6823 (1.0.0)
    package6824 (1.0.0)
    package6825 (1.0.0)
    package6826 (1.0.0)
    package6827 (1.0.0)
    package6828 (1.0.0)
    package6829 (1.0.0)
    package6830 (1.0.0)
    package6831 (1.0.0)
    package6832 (1.0.0)
    package6833 (1.0.0)
    package6834 (1.0.0)
    package6835 (1.0.0)
    package6836 (1.0.0)
    package6837 (1.0.0)
    package6838 (1.0.0)
    package6839 (1.0.0)
    package6840 (1.0.0)
    package6841 (1.0.0)
    package6842 (1.0.0)
    package6843 (1.0.0)
    package6844 (1.0.0)
    package6845 (1.0.0)
    package6846 (1.0.0)
    package6847 (1.0.0)
    package6848 (1.0.0)
    package6849 (1.0.0)
    package6850 (1.0.0)
    package6851 (1.0.0)
    package6852 (1.0.0)
    package6853 (1.0.0)
    package6854 (1.0.0)
    package6855 (1.0.0)
    package6856 (1.0.0)
    package6857 (1.0.0)
    package6858 (1.0.0)
    package6859 (1.0.0)
    package6860 (1.0.0)
    package6861 (1.0.0)
    package6862 (1.0.0)
    package6863 (1.0.0)
    package6864 (1.0.0)
    package6865 (1.0.0)
    package6866 (1.0.0)
    package6867 (1.0.0)
    package6868 (1.0.0)
    package6869 (1.0.0)
    package6870 (1.0.0)
    package6871 (1.0.0)
    package6872 (1.0.0)
    package6873 (1.0.0)
    package6874 (1.0.0)
    package6875 (1.0.0)
    package6876 (1.0.0)
    package6877 (1.0.0)
    package6878 (1.0.0)
    package6879 (1.0.0)
    package6880 (1.0.0)
    package6881 (1.0.0)
    package6882 (1.0.0)
    package6883 (1.0.0)
    package6884 (1.0.0)
    package6885 (1.0.0)
    package6886 (1.0.0)
    package6887 (1.0.0)
    package6888 (1.0.0)
    package6889 (1.0.0)
    package6890 (1.0.0)
    package6891 (1.0.0)
    package6892 (1.0.0)
    package6893 (1.0.0)
    package6894 (1.0.0)
    package6895 (1.0.0)
    package6896 (1.0.0)
    package6897 (1.0.0)
    package6898 (1.0.0)
    package6899 (1.0.0)
    package6900 (1.0.0)
    package6901 (1.0.0)
    package6902 (1.0.0)
    package6903 (1.0.0)
    package6904 (1.0.0)
    package6905 (1.0.0)
    package6906 (1.0.0)
    package6907 (1.0.0)
    package6908 (1.0.0)
    package6909 (1.0.0)
    package6910 (1.0.0)
    package6911 (1.0.0)
    package6912 (1.0.0)
    package6913 (1.0.0)
    package6914 (1.0.0)
    package6915 (1.0.0)
    package6916 (1.0.0)
    package6917 (1.0.0)
    package6918 (1.0.0)
    package6919 (1.0.0)
    package6920 (1.0.0)
    package6921 (1.0.0)
    package6922 (1.0.0)
    package6923 (1.0.0)
    package6924 (1.0.0)
    package6925 (1.0.0)
    package6926 (1.0.0)
    package6927 (1.0.0)
    package6928 (1.0.0)
    package6929 (1.0.0)
    package6930 (1.0.0)
    package6931 (1.0.0)
    package6932 (1.0.0)
    package6933 (1.0.0)
    package6934 (1.0.0)
    package6935 (1.0.0)
    package6936 (1.0.0)
    package6937 (1.0.0)
    package6938 (1.0.0)
    package6939 (1.0.0)
    package6940 (1.0.0)
    package6941 (1.0.0)
    package6942 (1.0.0)
    package6943 (1.0.0)
    package6944 (1.0.0)
    package6945 (1.0.0)
    package6946 (1.0.0)
    package6947 (1.0.0)
    package6948 (1.0.0)
    package6949 (1.0.0)
    package6950 (1.0.0)
    package6951 (1.0.0)
    package6952 (1.0.0)
    package6953 (1.0.0)
    package6954 (1.0.0)
    package6955 (1.0.0)
    package6956 (1.0.0)
    package6957 (1.0.0)
    package6958 (1.0.0)
    package6959 (1.0.0)
    package6960 (1.0.0)
    package6961 (1.0.0)
    package6962 (1.0.0)
    package6963 (1.0.0)
    package6964 (1.0.0)
    package6965 (1.0.0)
    package6966 (1.0.0)
    package6967 (1.0.0)
    package6968 (1.0.0)
    package6969 (1.0.0)
    package6970 (1.0.0)
    package6971 (1.0.0)
    package6972 (1.0.0)
    package6973 (1.0.0)
    package6974 (1.0.0)
    package6975 (1.0.0)
    package6976 (1.0.0)
    package6977 (1.0.0)
    package6978 (1.0.0)
    package6979 (1.0.0)
    package6980 (1.0.0)
    package6981 (1.0.0)
    package6982 (1.0.0)
    package6983 (1.0.0)
    package6984 (1.0.0)
    package6985 (1.0.0)
    package6986 (1.0.0)
    package6987 (1.0.0)
    package6988 (1.0.0)
    package6989 (1.0.0)
    package6990 (1.0.0)
    package6991 (1.0.0)
    package6992 (1.0.0)
    package6993 (1.0.0)
    package6994 (1.0.0)
    package6995 (1.0.0)
    package6996 (1.0.0)
    package6997 (1.0.0)
    package6998 (1.0.0)
    package6999 (1.0.0)
    package7000 (1.0.0)
    package7001 (1.0.0)
    package7002 (1.0.0)
    package7003 (1.0.0)
    package7004 (1.0.0)
    package7005 (1.0.0)
    package7006 (1.0.0)
    package7007 (1.0.0)
    package7008 (1.0.0)
    package7009 (1.0.0)
    package7010 (1.0.0)
    package7011 (1.0.0)
    package7012 (1.0.0)
    package7013 (1.0.0)
    package7014 (1.0.0)
    package7015 (1.0.0)
    package7016 (1.0.0)
    package7017 (1.0.0)
    package7018 (1.0.0)
    package7019 (1.0.0)
    package7020 (1.0.0)
    package7021 (1.0.0)
    package7022 (1.0.0)
    package7023 (1.0.0)
    package7024 (1.0.0)
    package7025 (1.0.0)
    package7026 (1.0.0)
    package7027 (1.0.0)
    package7028 (1.0.0)
    package7029 (1.0.0)
    package7030 (1.0.0)
    package7031 (1.0.0)
    package7032 (1.0.0)
    package7033 (1.0.0)
    package7034 (1.0.0)
    package7035 (1.0.0)
    package7036 (1.0.0)
    package7037 (1.0.0)
    package7038 (1.0.0)
    package7039 (1.0.0)
    package7040 (1.0.0)
    package7041 (1.0.0)
    package7042 (1.0.0)
    package7043 (1.0.0)
    package7044 (1.0.0)
    package7045 (1.0.0)
    package7046 (1.0.0)
    package7047 (1.0.0)
    package7048 (1.0.0)
    package7049 (1.0.0)
    package7050 (1.0.0)
    package7051 (1.0.0)
    package7052 (1.0.0)
    package7053 (1.0.0)
    package7054 (1.0.0)
    package7055 (1.0.0)
    package7056 (1.0.0)
    package7057 (1.0.0)
    package7058 (1.0.0)
    package7059 (1.0.0)
    package7060 (1.0.0)
    package7061 (1.0.0)
    package7062 (1.0.0)
    package7063 (1.0.0)
    package7064 (1.0.0)
    package7065 (1.0.0)
    package7066 (1.0.0)
    package7067 (1.0.0)
    package7068 (1.0.0)
    package7069 (1.0.0)
    package7070 (1.0.0)
    package7071 (1.0.0)
    package7072 (1.0.0)
    package7073 (1.0.0)
    package7074 (1.0.0)
    package7075 (1.0.0)
    package7076 (1.0.0)
    package7077 (1.0.0)
    package7078 (1.0.0)
    package7079 (1.0.0)
    package7080 (1.0.0)
    package7081 (1.0.0)
    package7082 (1.0.0)
    package7083 (1.0.0)
    package7084 (1.0.0)
    package7085 (1.0.0)
    package7086 (1.0.0)
    package7087 (1.0.0)
    package7088 (1.0.0)
    package7089 (1.0.0)
    package7090 (1.0.0)
    package7091 (1.0.0)
    package7092 (1.0.0)
    package7093 (1.0.0)
    package7094 (1.0.0)
    package7095 (1.0.0)
    package7096 (1.0.0)
    package7097 (1.0.0)
    package7098 (1.0.0)
    package7099 (1.0.0)
    package7100 (1.0.0)
    package7101 (1.0.0)
    package7102 (1.0.0)
    package7103 (1.0.0)
    package7104 (1.0.0)
    package7105 (1.0.0)
    package7106 (1.0.0)
    package7107 (1.0.0)
    package7108 (1.0.0)
    package7109 (1.0.0)
    package7110 (1.0.0)
    package7111 (1.0.0)
    package7112 (1.0.0)
    package7113 (1.0.0)
    package7114 (1.0.0)
    package7115 (1.0.0)
    package7116 (1.0.0)
    package7117 (1.0.0)
    package7118 (1.0.0)
    package7119 (1.0.0)
    package7120 (1.0.0)
    package7121 (1.0.0)
    package7122 (1.0.0)
    package7123 (1.0.0)
    package7124 (1.0.0)
    package7125 (1.0.0)
    package7126 (1.0.0)
    package7127 (1.0.0)
    package7128 (1.0.0)
    package7129 (1.0.0)
    package7130 (1.0.0)
    package7131 (1.0.0)
    package7132 (1.0.0)
    package7133 (1.0.0)
    package7134 (1.0.0)
    package7135 (1.0.0)
    package7136 (1.0.0)
    package7137 (1.0.0)
    package7138 (1.0.0)
    package7139 (1.0.0)
    package7140 (1.0.0)
    package7141 (1.0.0)
    package7142 (1.0.0)
    package7143 (1.0.0)
    package7144 (1.0.0)
    package7145 (1.0.0)
    package7146 (1.0.0)
    package7147 (1.0.0)
    package7148 (1.0.0)
    package7149 (1.0.0)
    package7150 (1.0.0)
    package7151 (1.0.0)
    package7152 (1.0.0)
    package7153 (1.0.0)
    package7154 (1.0.0)
    package7155 (1.0.0)
    package7156 (1.0.0)
    package7157 (1.0.0)
    package7158 (1.0.0)
    package7159 (1.0.0)
    package7160 (1.0.0)
    package7161 (1.0.0)
    package7162 (1.0.0)
    package7163 (1.0.0)
    package7164 (1.0.0)
    package7165 (1.0.0)
    package7166 (1.0.0)
    package7167 (1.0.0)
    package7168 (1.0.0)
    package7169 (1.0.0)
    package7170 (1.0.0)
    package7171 (1.0.0)
    package7172 (1.0.0)
    package7173 (1.0.0)
    package7174 (1.0.0)
    package7175 (1.0.0)
    package7176 (1.0.0)
    package7177 (1.0.0)
    package7178 (1.0.0)
    package7179 (1.0.0)
    package7180 (1.0.0)
    package7181 (1.0.0)
    package7182 (1.0.0)
    package7183 (1.0.0)
    package7184 (1.0.0)
    package7185 (1.0.0)
    package7186 (1.0.0)
    package7187 (1.0.0)
    package7188 (1.0.0)
    package7189 (1.0.0)
    package7190 (1.0.0)
    package7191 (1.0.0)
    package7192 (1.0.0)
    package7193 (1.0.0)
    package7194 (1.0.0)
    package7195 (1.0.0)
    package7196 (1.0.0)
    package7197 (1.0.0)
    package7198 (1.0.0)
    package7199 (1.0.0)
    package7200 (1.0.0)
    package7201 (1.0.0)
    package7202 (1.0.0)
    package7203 (1.0.0)
    package7204 (1.0.0)
    package7205 (1.0.0)
    package7206 (1.0.0)
    package7207 (1.0.0)
    package7208 (1.0.0)
    package7209 (1.0.0)
    package7210 (1.0.0)
    package7211 (1.0.0)
    package7212 (1.0.0)
    package7213 (1.0.0)
    package7214 (1.0.0)
    package7215 (1.0.0)
    package7216 (1.0.0)
    package7217 (1.0.0)
    package7218 (1.0.0)
    package7219 (1.0.0)
    package7220 (1.0.0)
    package7221 (1.0.0)
    package7222 (1.0.0)
    package7223 (1.0.0)
    package7224 (1.0.0)
    package7225 (1.0.0)
    package7226 (1.0.0)
    package7227 (1.0.0)
    package7228 (1.0.0)
    package7229 (1.0.0)
    package7230 (1.0.0)
    package7231 (1.0.0)
    package7232 (1.0.0)
    package7233 (1.0.0)
    package7234 (1.0.0)
    package7235 (1.0.0)
    package7236 (1.0.0)
    package7237 (1.0.0)
    package7238 (1.0.0)
    package7239 (1.0.0)
    package7240 (1.0.0)
    package7241 (1.0.0)
    package7242 (1.0.0)
    package7243 (1.0.0)
    package7244 (1.0.0)
    package7245 (1.0.0)
    package7246 (1.0.0)
    package7247 (1.0.0)
    package7248 (1.0.0)
    package7249 (1.0.0)
    package7250 (1.0.0)
    package7251 (1.0.0)
    package7252 (1.0.0)
    package7253 (1.0.0)
    package7254 (1.0.0)
    package7255 (1.0.0)
    package7256 (1.0.0)
    package7257 (1.0.0)
    package7258 (1.0.0)
    package7259 (1.0.0)
    package7260 (1.0.0)
    package7261 (1.0.0)
    package7262 (1.0.0)
    package7263 (1.0.0)
    package7264 (1.0.0)
    package7265 (1.0.0)
    package7266 (1.0.0)
    package7267 (1.0.0)
    package7268 (1.0.0)
    package7269 (1.0.0)
    package7270 (1.0.0)
    package7271 (1.0.0)
    package7272 (1.0.0)
    package7273 (1.0.0)
    package7274 (1.0.0)
    package7275 (1.0.0)
    package7276 (1.0.0)
    package7277 (1.0.0)
    package7278 (1.0.0)
    package7279 (1.0.0)
    package7280 (1.0.0)
    package7281 (1.0.0)
    package7282 (1.0.0)
    package7283 (1.0.0)
    package7284 (1.0.0)
    package7285 (1.0.0)
    package7286 (1.0.0)
    package7287 (1.0.0)
    package7288 (1.0.0)
    package7289 (1.0.0)
    package7290 (1.0.0)
    package7291 (1.0.0)
    package7292 (1.0.0)
    package7293 (1.0.0)
    package7294 (1.0.0)
    package7295 (1.0.0)
    package7296 (1.0.0)
    package7297 (1.0.0)
    package7298 (1.0.0)
    package7299 (1.0.0)
    package7300 (1.0.0)
    package7301 (1.0.0)
    package7302 (1.0.0)
    package7303 (1.0.0)
    package7304 (1.0.0)
    package7305 (1.0.0)
    package7306 (1.0.0)
    package7307 (1.0.0)
    package7308 (1.0.0)
    package7309 (1.0.0)
    package7310 (1.0.0)
    package7311 (1.0.0)
    package7312 (1.0.0)
    package7313 (1.0.0)
    package7314 (1.0.0)
    package7315 (1.0.0)
    package7316 (1.0.0)
    package7317 (1.0.0)
    package7318 (1.0.0)
    package7319 (1.0.0)
    package7320 (1.0.0)
    package7321 (1.0.0)
    package7322 (1.0.0)
    package7323 (1.0.0)
    package7324 (1.0.0)
    package7325 (1.0.0)
    package7326 (1.0.0)
    package7327 (1.0.0)
    package7328 (1.0.0)
    package7329 (1.0.0)
    package7330 (1.0.0)
    package7331 (1.0.0)
    package7332 (1.0.0)
    package7333 (1.0.0)
    package7334 (1.0.0)
    package7335 (1.0.0)
    package7336 (1.0.0)
    package7337 (1.0.0)
    package7338 (1.0.0)
    package7339 (1.0.0)
    package7340 (1.0.0)
    package7341 (1.0.0)
    package7342 (1.0.0)
    package7343 (1.0.0)
    package7344 (1.0.0)
    package7345 (1.0.0)
    package7346 (1.0.0)
    package7347 (1.0.0)
    package7348 (1.0.0)
    package7349 (1.0.0)
    package7350 (1.0.0)
    package7351 (1.0.0)
    package7352 (1.0.0)
    package7353 (1.0.0)
    package7354 (1.0.0)
    package7355 (1.0.0)
    package7356 (1.0.0)
    package7357 (1.0.0)
    package7358 (1.0.0)
    package7359 (1.0.0)
    package7360 (1.0.0)
    package7361 (1.0.0)
    package7362 (1.0.0)
    package7363 (1.0.0)
    package7364 (1.0.0)
    package7365 (1.0.0)
    package7366 (1.0.0)
    package7367 (1.0.0)
    package7368 (1.0.0)
    package7369 (1.0.0)
    package7370 (1.0.0)
    package7371 (1.0.0)
    package7372 (1.0.0)
    package7373 (1.0.0)
    package7374 (1.0.0)
    package7375 (1.0.0)
    package7376 (1.0.0)
    package7377 (1.0.0)
    package7378 (1.0.0)
    package7379 (1.0.0)
    package7380 (1.0.0)
    package7381 (1.0.0)
    package7382 (1.0.0)
    package7383 (1.0.0)
    package7384 (1.0.0)
    package7385 (1.0.0)
    package7386 (1.0.0)
    package7387 (1.0.0)
    package7388 (1.0.0)
    package7389 (1.0.0)
    package7390 (1.0.0)
    package7391 (1.0.0)
    package7392 (1.0.0)
    package7393 (1.0.0)
    package7394 (1.0.0)
    package7395 (1.0.0)
    package7396 (1.0.0)
    package7397 (1.0.0)
    package7398 (1.0.0)
    package7399 (1.0.0)
    package7400 (1.0.0)
    package7401 (1.0.0)
    package7402 (1.0.0)
    package7403 (1.0.0)
    package7404 (1.0.0)
    package7405 (1.0.0)
    package7406 (1.0.0)
    package7407 (1.0.0)
    package7408 (1.0.0)
    package7409 (1.0.0)
    package7410 (1.0.0)
    package7411 (1.0.0)
    package7412 (1.0.0)
    package7413 (1.0.0)
    package7414 (1.0.0)
    package7415 (1.0.0)
    package7416 (1.0.0)
    package7417 (1.0.0)
    package7418 (1.0.0)
    package7419 (1.0.0)
    package7420 (1.0.0)
    package7421 (1.0.0)
    package7422 (1.0.0)
    package7423 (1.0.0)
    package7424 (1.0.0)
    package7425 (1.0.0)
    package7426 (1.0.0)
    package7427 (1.0.0)
    package7428 (1.0.0)
    package7429 (1.0.0)
    package7430 (1.0.0)
    package7431 (1.0.0)
    package7432 (1.0.0)
    package7433 (1.0.0)
    package7434 (1.0.0)
    package7435 (1.0.0)
    package7436 (1.0.0)
    package7437 (1.0.0)
    package7438 (1.0.0)
    package7439 (1.0.0)
    package7440 (1.0.0)
    package7441 (1.0.0)
    package7442 (1.0.0)
    package7443 (1.0.0)
    package7444 (1.0.0)
    package7445 (1.0.0)
    package7446 (1.0.0)
    package7447 (1.0.0)
    package7448 (1.0.0)
    package7449 (1.0.0)
    package7450 (1.0.0)
    package7451 (1.0.0)
    package7452 (1.0.0)
    package7453 (1.0.0)
    package7454 (1.0.0)
    package7455 (1.0.0)
    package7456 (1.0.0)
    package7457 (1.0.0)
    package7458 (1.0.0)
    package7459 (1.0.0)
    package7460 (1.0.0)
    package7461 (1.0.0)
    package7462 (1.0.0)
    package7463 (1.0.0)
    package7464 (1.0.0)
    package7465 (1.0.0)
    package7466 (1.0.0)
    package7467 (1.0.0)
    package7468 (1.0.0)
    package7469 (1.0.0)
    package7470 (1.0.0)
    package7471 (1.0.0)
    package7472 (1.0.0)
    package7473 (1.0.0)
    package7474 (1.0.0)
    package7475 (1.0.0)
    package7476 (1.0.0)
    package7477 (1.0.0)
    package7478 (1.0.0)
    package7479 (1.0.0)
    package7480 (1.0.0)
    package7481 (1.0.0)
    package7482 (1.0.0)
    package7483 (1.0.0)
    package7484 (1.0.0)
    package7485 (1.0.0)
    package7486 (1.0.0)
    package7487 (1.0.0)
    package7488 (1.0.0)
    package7489 (1.0.0)
    package7490 (1.0.0)
    package7491 (1.0.0)
    package7492 (1.0.0)
    package7493 (1.0.0)
    package7494 (1.0.0)
    package7495 (1.0.0)
    package7496 (1.0.0)
    package7497 (1.0.0)
    package7498 (1.0.0)
    package7499 (1.0.0)
    package7500 (1.0.0)
    package7501 (1.0.0)
    package7502 (1.0.0)
    package7503 (1.0.0)
    package7504 (1.0.0)
    package7505 (1.0.0)
    package7506 (1.0.0)
    package7507 (1.0.0)
    package7508 (1.0.0)
    package7509 (1.0.0)
    package7510 (1.0.0)
    package7511 (1.0.0)
    package7512 (1.0.0)
    package7513 (1.0.0)
    package7514 (1.0.0)
    package7515 (1.0.0)
    package7516 (1.0.0)
    package7517 (1.0.0)
    package7518 (1.0.0)
    package7519 (1.0.0)
    package7520 (1.0.0)
    package7521 (1.0.0)
    package7522 (1.0.0)
    package7523 (1.0.0)
    package7524 (1.0.0)
    package7525 (1.0.0)
    package7526 (1.0.0)
    package7527 (1.0.0)
    package7528 (1.0.0)
    package7529 (1.0.0)
    package7530 (1.0.0)
    package7531 (1.0.0)
    package7532 (1.0.0)
    package7533 (1.0.0)
    package7534 (1.0.0)
    package7535 (1.0.0)
    package7536 (1.0.0)
    package7537 (1.0.0)
    package7538 (1.0.0)
    package7539 (1.0.0)
    package7540 (1.0.0)
    package7541 (1.0.0)
    package7542 (1.0.0)
    package7543 (1.0.0)
    package7544 (1.0.0)
    package7545 (1.0.0)
    package7546 (1.0.0)
    package7547 (1.0.0)
    package7548 (1.0.0)
    package7549 (1.0.0)
    package7550 (1.0.0)
    package7551 (1.0.0)
    package7552 (1.0.0)
    package7553 (1.0.0)
    package7554 (1.0.0)
    package7555 (1.0.0)
    package7556 (1.0.0)
    package7557 (1.0.0)
    package7558 (1.0.0)
    package7559 (1.0.0)
    package7560 (1.0.0)
    package7561 (1.0.0)
    package7562 (1.0.0)
    package7563 (1.0.0)
    package7564 (1.0.0)
    package7565 (1.0.0)
    package7566 (1.0.0)
    package7567 (1.0.0)
    package7568 (1.0.0)
    package7569 (1.0.0)
    package7570 (1.0.0)
    package7571 (1.0.0)
    package7572 (1.0.0)
    package7573 (1.0.0)
    package7574 (1.0.0)
    package7575 (1.0.0)
    package7576 (1.0.0)
    package7577 (1.0.0)
    package7578 (1.0.0)
    package7579 (1.0.0)
    package7580 (1.0.0)
    package7581 (1.0.0)
    package7582 (1.0.0)
    package7583 (1.0.0)
    package7584 (1.0.0)
    package7585 (1.0.0)
    package7586 (1.0.0)
    package7587 (1.0.0)
    package7588 (1.0.0)
    package7589 (1.0.0)
    package7590 (1.0.0)
    package7591 (1.0.0)
    package7592 (1.0.0)
    package7593 (1.0.0)
    package7594 (1.0.0)
    package7595 (1.0.0)
    package7596 (1.0.0)
    package7597 (1.0.0)
    package7598 (1.0.0)
    package7599 (1.0.0)
    package7600 (1.0.0)
    package7601 (1.0.0)
    package7602 (1.0.0)
    package7603 (1.0.0)
    package7604 (1.0.0)
    package7605 (1.0.0)
    package7606 (1.0.0)
    package7607 (1.0.0)
    package7608 (1.0.0)
    package7609 (1.0.0)
    package7610 (1.0.0)
    package7611 (1.0.0)
    package7612 (1.0.0)
    package7613 (1.0.0)
    package7614 (1.0.0)
    package7615 (1.0.0)
    package7616 (1.0.0)
    package7617 (1.0.0)
    package7618 (1.0.0)
    package7619 (1.0.0)
    package7620 (1.0.0)
    package7621 (1.0.0)
    package7622 (1.0.0)
    package7623 (1.0.0)
    package7624 (1.0.0)
    package7625 (1.0.0)
    package7626 (1.0.0)
    package7627 (1.0.0)
    package7628 (1.0.0)
    package7629 (1.0.0)
    package7630 (1.0.0)
    package7631 (1.0.0)
    package7632 (1.0.0)
    package7633 (1.0.0)
    package7634 (1.0.0)
    package7635 (1.0.0)
    package7636 (1.0.0)
    package7637 (1.0.0)
    package7638 (1.0.0)
    package7639 (1.0.0)
    package7640 (1.0.0)
    package7641 (1.0.0)
    package7642 (1.0.0)
    package7643 (1.0.0)
    package7644 (1.0.0)
    package7645 (1.0.0)
    package7646 (1.0.0)
    package7647 (1.0.0)
    package7648 (1.0.0)
    package7649 (1.0.0)
    package7650 (1.0.0)
    package7651 (1.0.0)
    package7652 (1.0.0)
    package7653 (1.0.0)
    package7654 (1.0.0)
    package7655 (1.0.0)
    package7656 (1.0.0)
    package7657 (1.0.0)
    package7658 (1.0.0)
    package7659 (1.0.0)
    package7660 (1.0.0)
    package7661 (1.0.0)
    package7662 (1.0.0)
    package7663 (1.0.0)
    package7664 (1.0.0)
    package7665 (1.0.0)
    package7666 (1.0.0)
    package7667 (1.0.0)
    package7668 (1.0.0)
    package7669 (1.0.0)
    package7670 (1.0.0)
    package7671 (1.0.0)
    package7672 (1.0.0)
    package7673 (1.0.0)
    package7674 (1.0.0)
    package7675 (1.0.0)
    package7676 (1.0.0)
    package7677 (1.0.0)
    package7678 (1.0.0)
    package7679 (1.0.0)
    package7680 (1.0.0)
    package7681 (1.0.0)
    package7682 (1.0.0)
    package7683 (1.0.0)
    package7684 (1.0.0)
    package7685 (1.0.0)
    package7686 (1.0.0)
    package7687 (1.0.0)
    package7688 (1.0.0)
    package7689 (1.0.0)
    package7690 (1.0.0)
    package7691 (1.0.0)
    package7692 (1.0.0)
    package7693 (1.0.0)
    package7694 (1.0.0)
    package7695 (1.0.0)
    package7696 (1.0.0)
    package7697 (1.0.0)
    package7698 (1.0.0)
    package7699 (1.0.0)
    package7700 (1.0.0)
    package7701 (1.0.0)
    package7702 (1.0.0)
    package7703 (1.0.0)
    package7704 (1.0.0)
    package7705 (1.0.0)
    package7706 (1.0.0)
    package7707 (1.0.0)
    package7708 (1.0.0)
    package7709 (1.0.0)
    package7710 (1.0.0)
    package7711 (1.0.0)
    package7712 (1.0.0)
    package7713 (1.0.0)
    package7714 (1.0.0)
    package7715 (1.0.0)
    package7716 (1.0.0)
    package7717 (1.0.0)
    package7718 (1.0.0)
    package7719 (1.0.0)
    package7720 (1.0.0)
    package7721 (1.0.0)
    package7722 (1.0.0)
    package7723 (1.0.0)
    package7724 (1.0.0)
    package7725 (1.0.0)
    package7726 (1.0.0)
    package7727 (1.0.0)
    package7728 (1.0.0)
    package7729 (1.0.0)
    package7730 (1.0.0)
    package7731 (1.0.0)
    package7732 (1.0.0)
    package7733 (1.0.0)
    package7734 (1.0.0)
    package7735 (1.0.0)
    package7736 (1.0.0)
    package7737 (1.0.0)
    package7738 (1.0.0)
    package7739 (1.0.0)
    package7740 (1.0.0)
    package7741 (1.0.0)
    package7742 (1.0.0)
    package7743 (1.0.0)
    package7744 (1.0.0)
    package7745 (1.0.0)
    package7746 (1.0.0)
    package7747 (1.0.0)
    package7748 (1.0.0)
    package7749 (1.0.0)
    package7750 (1.0.0)
    package7751 (1.0.0)
    package7752 (1.0.0)
    package7753 (1.0.0)
    package7754 (1.0.0)
    package7755 (1.0.0)
    package7756 (1.0.0)
    package7757 (1.0.0)
    package7758 (1.0.0)
    package7759 (1.0.0)
    package7760 (1.0.0)
    package7761 (1.0.0)
    package7762 (1.0.0)
    package7763 (1.0.0)
    package7764 (1.0.0)
    package7765 (1.0.0)
    package7766 (1.0.0)
    package7767 (1.0.0)
    package7768 (1.0.0)
    package7769 (1.0.0)
    package7770 (1.0.0)
    package7771 (1.0.0)
    package7772 (1.0.0)
    package7773 (1.0.0)
    package7774 (1.0.0)
    package7775 (1.0.0)
    package7776 (1.0.0)
    package7777 (1.0.0)
    package7778 (1.0.0)
    package7779 (1.0.0)
    package7780 (1.0.0)
    package7781 (1.0.0)
    package7782 (1.0.0)
    package7783 (1.0.0)
    package7784 (1.0.0)
    package7785 (1.0.0)
    package7786 (1.0.0)
    package7787 (1.0.0)
    package7788 (1.0.0)
    package7789 (1.0.0)
    package7790 (1.0.0)
    package7791 (1.0.0)
    package7792 (1.0.0)
    package7793 (1.0.0)
    package7794 (1.0.0)
    package7795 (1.0.0)
    package7796 (1.0.0)
    package7797 (1.0.0)
    package7798 (1.0.0)
    package7799 (1.0.0)
    package7800 (1.0.0)
    package7801 (1.0.0)
    package7802 (1.0.0)
    package7803 (1.0.0)
    package7804 (1.0.0)
    package7805 (1.0.0)
    package7806 (1.0.0)
    package7807 (1.0.0)
    package7808 (1.0.0)
    package7809 (1.0.0)
    package7810 (1.0.0)
    package7811 (1.0.0)
    package7812 (1.0.0)
    package7813 (1.0.0)
    package7814 (1.0.0)
    package7815 (1.0.0)
    package7816 (1.0.0)
    package7817 (1.0.0)
    package7818 (1.0.0)
    package7819 (1.0.0)
    package7820 (1.0.0)
    package7821 (1.0.0)
    package7822 (1.0.0)
    package7823 (1.0.0)
    package7824 (1.0.0)
    package7825 (1.0.0)
    package7826 (1.0.0)
    package7827 (1.0.0)
    package7828 (1.0.0)
    package7829 (1.0.0)
    package7830 (1.0.0)
    package7831 (1.0.0)
    package7832 (1.0.0)
    package7833 (1.0.0)
    package7834 (1.0.0)
    package7835 (1.0.0)
    package7836 (1.0.0)
    package7837 (1.0.0)
    package7838 (1.0.0)
    package7839 (1.0.0)
    package7840 (1.0.0)
    package7841 (1.0.0)
    package7842 (1.0.0)
    package7843 (1.0.0)
    package7844 (1.0.0)
    package7845 (1.0.0)
    package7846 (1.0.0)
    package7847 (1.0.0)
    package7848 (1.0.0)
    package7849 (1.0.0)
    package7850 (1.0.0)
    package7851 (1.0.0)
    package7852 (1.0.0)
    package7853 (1.0.0)
    package7854 (1.0.0)
    package7855 (1.0.0)
    package7856 (1.0.0)
    package7857 (1.0.0)
    package7858 (1.0.0)
    package7859 (1.0.0)
    package7860 (1.0.0)
    package7861 (1.0.0)
    package7862 (1.0.0)
    package7863 (1.0.0)
    package7864 (1.0.0)
    package7865 (1.0.0)
    package7866 (1.0.0)
    package7867 (1.0.0)
    package7868 (1.0.0)
    package7869 (1.0.0)
    package7870 (1.0.0)
    package7871 (1.0.0)
    package7872 (1.0.0)
    package7873 (1.0.0)
    package7874 (1.0.0)
    package7875 (1.0.0)
    package7876 (1.0.0)
    package7877 (1.0.0)
    package7878 (1.0.0)
    package7879 (1.0.0)
    package7880 (1.0.0)
    package7881 (1.0.0)
    package7882 (1.0.0)
    package7883 (1.0.0)
    package7884 (1.0.0)
    package7885 (1.0.0)
    package7886 (1.0.0)
    package7887 (1.0.0)
    package7888 (1.0.0)
    package7889 (1.0.0)
    package7890 (1.0.0)
    package7891 (1.0.0)
    package7892 (1.0.0)
    package7893 (1.0.0)
    package7894 (1.0.0)
    package7895 (1.0.0)
    package7896 (1.0.0)
    package7897 (1.0.0)
    package7898 (1.0.0)
    package7899 (1.0.0)
    package7900 (1.0.0)
    package7901 (1.0.0)
    package7902 (1.0.0)
    package7903 (1.0.0)
    package7904 (1.0.0)
    package7905 (1.0.0)
    package7906 (1.0.0)
    package7907 (1.0.0)
    package7908 (1.0.0)
    package7909 (1.0.0)
    package7910 (1.0.0)
    package7911 (1.0.0)
    package7912 (1.0.0)
    package7913 (1.0.0)
    package7914 (1.0.0)
    package7915 (1.0.0)
    package7916 (1.0.0)
    package7917 (1.0.0)
    package7918 (1.0.0)
    package7919 (1.0.0)
    package7920 (1.0.0)
    package7921 (1.0.0)
    package7922 (1.0.0)
    package7923 (1.0.0)
    package7924 (1.0.0)
    package7925 (1.0.0)
    package7926 (1.0.0)
    package7927 (1.0.0)
    package7928 (1.0.0)
    package7929 (1.0.0)
    package7930 (1.0.0)
    package7931 (1.0.0)
    package7932 (1.0.0)
    package7933 (1.0.0)
    package7934 (1.0.0)
    package7935 (1.0.0)
    package7936 (1.0.0)
    package7937 (1.0.0)
    package7938 (1.0.0)
    package7939 (1.0.0)
    package7940 (1.0.0)
    package7941 (1.0.0)
    package7942 (1.0.0)
    package7943 (1.0.0)
    package7944 (1.0.0)
    package7945 (1.0.0)
    package7946 (1.0.0)
    package7947 (1.0.0)
    package7948 (1.0.0)
    package7949 (1.0.0)
    package7950 (1.0.0)
    package7951 (1.0.0)
    package7952 (1.0.0)
    package7953 (1.0.0)
    package7954 (1.0.0)
    package7955 (1.0.0)
    package7956 (1.0.0)
    package7957 (1.0.0)
    package7958 (1.0.0)
    package7959 (1.0.0)
    package7960 (1.0.0)
    package7961 (1.0.0)
    package7962 (1.0.0)
    package7963 (1.0.0)
    package7964 (1.0.0)
    package7965 (1.0.0)
    package7966 (1.0.0)
    package7967 (1.0.0)
    package7968 (1.0.0)
    package7969 (1.0.0)
    package7970 (1.0.0)
    package7971 (1.0.0)
    package7972 (1.0.0)
    package7973 (1.0.0)
    package7974 (1.0.0)
    package7975 (1.0.0)
    package7976 (1.0.0)
    package7977 (1.0.0)
    package7978 (1.0.0)
    package7979 (1.0.0)
    package7980 (1.0.0)
    package7981 (1.0.0)
    package7982 (1.0.0)
    package7983 (1.0.0)
    package7984 (1.0.0)
    package7985 (1.0.0)
    package7986 (1.0.0)
    package7987 (1.0.0)
    package7988 (1.0.0)
    package7989 (1.0.0)
    package7990 (1.0.0)
    package7991 (1.0.0)
    package7992 (1.0.0)
    package7993 (1.0.0)
    package7994 (1.0.0)
    package7995 (1.0.0)
    package7996 (1.0.0)
    package7997 (1.0.0)
    package7998 (1.0.0)
    package7999 (1.0.0)
    package8000 (1.0.0)
    package8001 (1.0.0)
    package8002 (1.0.0)
    package8003 (1.0.0)
    package8004 (1.0.0)
    package8005 (1.0.0)
    package8006 (1.0.0)
    package8007 (1.0.0)
    package8008 (1.0.0)
    package8009 (1.0.0)
    package8010 (1.0.0)
    package8011 (1.0.0)
    package8012 (1.0.0)
    package8013 (1.0.0)
    package8014 (1.0.0)
    package8015 (1.0.0)
    package8016 (1.0.0)
    package8017 (1.0.0)
    package8018 (1.0.0)
    package8019 (1.0.0)
    package8020 (1.0.0)
    package8021 (1.0.0)
    package8022 (1.0.0)
    package8023 (1.0.0)
    package8024 (1.0.0)
    package8025 (1.0.0)
    package8026 (1.0.0)
    package8027 (1.0.0)
    package8028 (1.0.0)
    package8029 (1.0.0)
    package8030 (1.0.0)
    package8031 (1.0.0)
    package8032 (1.0.0)
    package8033 (1.0.0)
    package8034 (1.0.0)
    package8035 (1.0.0)
    package8036 (1.0.0)
    package8037 (1.0.0)
    package8038 (1.0.0)
    package8039 (1.0.0)
    package8040 (1.0.0)
    package8041 (1.0.0)
    package8042 (1.0.0)
    package8043 (1.0.0)
    package8044 (1.0.0)
    package8045 (1.0.0)
    package8046 (1.0.0)
    package8047 (1.0.0)
    package8048 (1.0.0)
    package8049 (1.0.0)
    package8050 (1.0.0)
    package8051 (1.0.0)
    package8052 (1.0.0)
    package8053 (1.0.0)
    package8054 (1.0.0)
    package8055 (1.0.0)
    package8056 (1.0.0)
    package8057 (1.0.0)
    package8058 (1.0.0)
    package8059 (1.0.0)
    package8060 (1.0.0)
    package8061 (1.0.0)
    package8062 (1.0.0)
    package8063 (1.0.0)
    package8064 (1.0.0)
    package8065 (1.0.0)
    package8066 (1.0.0)
    package8067 (1.0.0)
    package8068 (1.0.0)
    package8069 (1.0.0)
    package8070 (1.0.0)
    package8071 (1.0.0)
    package8072 (1.0.0)
    package8073 (1.0.0)
    package8074 (1.0.0)
    package8075 (1.0.0)
    package8076 (1.0.0)
    package8077 (1.0.0)
    package8078 (1.0.0)
    package8079 (1.0.0)
    package8080 (1.0.0)
    package8081 (1.0.0)
    package8082 (1.0.0)
    package8083 (1.0.0)
    package8084 (1.0.0)
    package8085 (1.0.0)
    package8086 (1.0.0)
    package8087 (1.0.0)
    package8088 (1.0.0)
    package8089 (1.0.0)
    package8090 (1.0.0)
    package8091 (1.0.0)
    package8092 (1.0.0)
    package8093 (1.0.0)
    package8094 (1.0.0)
    package8095 (1.0.0)
    package8096 (1.0.0)
    package8097 (1.0.0)
    package8098 (1.0.0)
    package8099 (1.0.0)
    package8100 (1.0.0)
    package8101 (1.0.0)
    package8102 (1.0.0)
    package8103 (1.0.0)
    package8104 (1.0.0)
    package8105 (1.0.0)
    package8106 (1.0.0)
    package8107 (1.0.0)
    package8108 (1.0.0)
    package8109 (1.0.0)
    package8110 (1.0.0)
    package8111 (1.0.0)
    package8112 (1.0.0)
    package8113 (1.0.0)
    package8114 (1.0.0)
    package8115 (1.0.0)
    package8116 (1.0.0)
    package8117 (1.0.0)
    package8118 (1.0.0)
    package8119 (1.0.0)
    package8120 (1.0.0)
    package8121 (1.0.0)
    package8122 (1.0.0)
    package8123 (1.0.0)
    package8124 (1.0.0)
    package8125 (1.0.0)
    package8126 (1.0.0)
    package8127 (1.0.0)
    package8128 (1.0.0)
    package8129 (1.0.0)
    package8130 (1.0.0)
    package8131 (1.0.0)
    package8132 (1.0.0)
    package8133 (1.0.0)
    package8134 (1.0.0)
    package8135 (1.0.0)
    package8136 (1.0.0)
    package8137 (1.0.0)
    package8138 (1.0.0)
    package8139 (1.0.0)
    package8140 (1.0.0)
    package8141 (1.0.0)
    package8142 (1.0.0)
    package8143 (1.0.0)
    package8144 (1.0.0)
    package8145 (1.0.0)
    package8146 (1.0.0)
    package8147 (1.0.0)
    package8148 (1.0.0)
    package8149 (1.0.0)
    package8150 (1.0.0)
    package8151 (1.0.0)
    package8152 (1.0.0)
    package8153 (1.0.0)
    package8154 (1.0.0)
    package8155 (1.0.0)
    package8156 (1.0.0)
    package8157 (1.0.0)
    package8158 (1.0.0)
    package8159 (1.0.0)
    package8160 (1.0.0)
    package8161 (1.0.0)
    package8162 (1.0.0)
    package8163 (1.0.0)
    package8164 (1.0.0)
    package8165 (1.0.0)
    package8166 (1.0.0)
    package8167 (1.0.0)
    package8168 (1.0.0)
    package8169 (1.0.0)
    package8170 (1.0.0)
    package8171 (1.0.0)
    package8172 (1.0.0)
    package8173 (1.0.0)
    package8174 (1.0.0)
    package8175 (1.0.0)
    package8176 (1.0.0)
    package8177 (1.0.0)
    package8178 (1.0.0)
    package8179 (1.0.0)
    package8180 (1.0.0)
    package8181 (1.0.0)
    package8182 (1.0.0)
    package8183 (1.0.0)
    package8184 (1.0.0)
    package8185 (1.0.0)
    package8186 (1.0.0)
    package8187 (1.0.0)
    package8188 (1.0.0)
    package8189 (1.0.0)
    package8190 (1.0.0)
    package8191 (1.0.0)
    package8192 (1.0.0)
    package8193 (1.0.0)
    package8194 (1.0.0)
    package8195 (1.0.0)
    package8196 (1.0.0)
    package8197 (1.0.0)
    package8198 (1.0.0)
    package8199 (1.0.0)
    package8200 (1.0.0)
    package8201 (1.0.0)
    package8202 (1.0.0)
    package8203 (1.0.0)
    package8204 (1.0.0)
    package8205 (1.0.0)
    package8206 (1.0.0)
    package8207 (1.0.0)
    package8208 (1.0.0)
    package8209 (1.0.0)
    package8210 (1.0.0)
    package8211 (1.0.0)
    package8212 (1.0.0)
    package8213 (1.0.0)
    package8214 (1.0.0)
    package8215 (1.0.0)
    package8216 (1.0.0)
    package8217 (1.0.0)
    package8218 (1.0.0)
    package8219 (1.0.0)
    package8220 (1.0.0)
    package8221 (1.0.0)
    package8222 (1.0.0)
    package8223 (1.0.0)
    package8224 (1.0.0)
    package8225 (1.0.0)
    package8226 (1.0.0)
    package8227 (1.0.0)
    package8228 (1.0.0)
    package8229 (1.0.0)
    package8230 (1.0.0)
    package8231 (1.0.0)
    package8232 (1.0.0)
    package8233 (1.0.0)
    package8234 (1.0.0)
    package8235 (1.0.0)
    package8236 (1.0.0)
    package8237 (1.0.0)
    package8238 (1.0.0)
    package8239 (1.0.0)
    package8240 (1.0.0)
    package8241 (1.0.0)
    package8242 (1.0.0)
    package8243 (1.0.0)
    package8244 (1.0.0)
    package8245 (1.0.0)
    package8246 (1.0.0)
    package8247 (1.0.0)
    package8248 (1.0.0)
    package8249 (1.0.0)
    package8250 (1.0.0)
    package8251 (1.0.0)
    package8252 (1.0.0)
    package8253 (1.0.0)
    package8254 (1.0.0)
    package8255 (1.0.0)
    package8256 (1.0.0)
    package8257 (1.0.0)
    package8258 (1.0.0)
    package8259 (1.0.0)
    package8260 (1.0.0)
    package8261 (1.0.0)
    package8262 (1.0.0)
    package8263 (1.0.0)
    package8264 (1.0.0)
    package8265 (1.0.0)
    package8266 (1.0.0)
    package8267 (1.0.0)
    package8268 (1.0.0)
    package8269 (1.0.0)
    package8270 (1.0.0)
    package8271 (1.0.0)
    package8272 (1.0.0)
    package8273 (1.0.0)
    package8274 (1.0.0)
    package8275 (1.0.0)
    package8276 (1.0.0)
    package8277 (1.0.0)
    package8278 (1.0.0)
    package8279 (1.0.0)
    package8280 (1.0.0)
    package8281 (1.0.0)
    package8282 (1.0.0)
    package8283 (1.0.0)
    package8284 (1.0.0)
    package8285 (1.0.0)
    package8286 (1.0.0)
    package8287 (1.0.0)
    package8288 (1.0.0)
    package8289 (1.0.0)
    package8290 (1.0.0)
    package8291 (1.0.0)
    package8292 (1.0.0)
    package8293 (1.0.0)
    package8294 (1.0.0)
    package8295 (1.0.0)
    package8296 (1.0.0)
    package8297 (1.0.0)
    package8298 (1.0.0)
    package8299 (1.0.0)
    package8300 (1.0.0)
    package8301 (1.0.0)
    package8302 (1.0.0)
    package8303 (1.0.0)
    package8304 (1.0.0)
    package8305 (1.0.0)
    package8306 (1.0.0)
    package8307 (1.0.0)
    package8308 (1.0.0)
    package8309 (1.0.0)
    package8310 (1.0.0)
    package8311 (1.0.0)
    package8312 (1.0.0)
    package8313 (1.0.0)
    package8314 (1.0.0)
    package8315 (1.0.0)
    package8316 (1.0.0)
    package8317 (1.0.0)
    package8318 (1.0.0)
    package8319 (1.0.0)
    package8320 (1.0.0)
    package8321 (1.0.0)
    package8322 (1.0.0)
    package8323 (1.0.0)
    package8324 (1.0.0)
    package8325 (1.0.0)
    package8326 (1.0.0)
    package8327 (1.0.0)
    package8328 (1.0.0)
    package8329 (1.0.0)
    package8330 (1.0.0)
    package8331 (1.0.0)
    package8332 (1.0.0)
    package8333 (1.0.0)
    package8334 (1.0.0)
    package8335 (1.0.0)
    package8336 (1.0.0)
    package8337 (1.0.0)
    package8338 (1.0.0)
    package8339 (1.0.0)
    package8340 (1.0.0)
    package8341 (1.0.0)
    package8342 (1.0.0)
    package8343 (1.0.0)
    package8344 (1.0.0)
    package8345 (1.0.0)
    package8346 (1.0.0)
    package8347 (1.0.0)
    package8348 (1.0.0)
    package8349 (1.0.0)
    package8350 (1.0.0)
    package8351 (1.0.0)
    package8352 (1.0.0)
    package8353 (1.0.0)
    package8354 (1.0.0)
    package8355 (1.0.0)
    package8356 (1.0.0)
    package8357 (1.0.0)
    package8358 (1.0.0)
    package8359 (1.0.0)
    package8360 (1.0.0)
    package8361 (1.0.0)
    package8362 (1.0.0)
    package8363 (1.0.0)
    package8364 (1.0.0)
    package8365 (1.0.0)
    package8366 (1.0.0)
    package8367 (1.0.0)
    package8368 (1.0.0)
    package8369 (1.0.0)
    package8370 (1.0.0)
    package8371 (1.0.0)
    package8372 (1.0.0)
    package8373 (1.0.0)
    package8374 (1.0.0)
    package8375 (1.0.0)
    package8376 (1.0.0)
    package8377 (1.0.0)
    package8378 (1.0.0)
    package8379 (1.0.0)
    package8380 (1.0.0)
    package8381 (1.0.0)
    package8382 (1.0.0)
    package8383 (1.0.0)
    package8384 (1.0.0)
    package8385 (1.0.0)
    package8386 (1.0.0)
    package8387 (1.0.0)
    package8388 (1.0.0)
    package8389 (1.0.0)
    package8390 (1.0.0)
    package8391 (1.0.0)
    package8392 (1.0.0)
    package8393 (1.0.0)
    package8394 (1.0.0)
    package8395 (1.0.0)
    package8396 (1.0.0)
    package8397 (1.0.0)
    package8398 (1.0.0)
    package8399 (1.0.0)
    package8400 (1.0.0)
    package8401 (1.0.0)
    package8402 (1.0.0)
    package8403 (1.0.0)
    package8404 (1.0.0)
    package8405 (1.0.0)
    package8406 (1.0.0)
    package8407 (1.0.0)
    package8408 (1.0.0)
    package8409 (1.0.0)
    package8410 (1.0.0)
    package8411 (1.0.0)
    package8412 (1.0.0)
    package8413 (1.0.0)
    package8414 (1.0.0)
    package8415 (1.0.0)
    package8416 (1.0.0)
    package8417 (1.0.0)
    package8418 (1.0.0)
    package8419 (1.0.0)
    package8420 (1.0.0)
    package8421 (1.0.0)
    package8422 (1.0.0)
    package8423 (1.0.0)
    package8424 (1.0.0)
    package8425 (1.0.0)
    package8426 (1.0.0)
    package8427 (1.0.0)
    package8428 (1.0.0)
    package8429 (1.0.0)
    package8430 (1.0.0)
    package8431 (1.0.0)
    package8432 (1.0.0)
    package8433 (1.0.0)
    package8434 (1.0.0)
    package8435 (1.0.0)
    package8436 (1.0.0)
    package8437 (1.0.0)
    package8438 (1.0.0)
    package8439 (1.0.0)
    package8440 (1.0.0)
    package8441 (1.0.0)
    package8442 (1.0.0)
    package8443 (1.0.0)
    package8444 (1.0.0)
    package8445 (1.0.0)
    package8446 (1.0.0)
    package8447 (1.0.0)
    package8448 (1.0.0)
    package8449 (1.0.0)
    package8450 (1.0.0)
    package8451 (1.0.0)
    package8452 (1.0.0)
    package8453 (1.0.0)
    package8454 (1.0.0)
    package8455 (1.0.0)
    package8456 (1.0.0)
    package8457 (1.0.0)
    package8458 (1.0.0)
    package8459 (1.0.0)
    package8460 (1.0.0)
    package8461 (1.0.0)
    package8462 (1.0.0)
    package8463 (1.0.0)
    package8464 (1.0.0)
    package8465 (1.0.0)
    package8466 (1.0.0)
    package8467 (1.0.0)
    package8468 (1.0.0)
    package8469 (1.0.0)
    package8470 (1.0.0)
    package8471 (1.0.0)
    package8472 (1.0.0)
    package8473 (1.0.0)
    package8474 (1.0.0)
    package8475 (1.0.0)
    package8476 (1.0.0)
    package8477 (1.0.0)
    package8478 (1.0.0)
    package8479 (1.0.0)
    package8480 (1.0.0)
    package8481 (1.0.0)
    package8482 (1.0.0)
    package8483 (1.0.0)
    package8484 (1.0.0)
    package8485 (1.0.0)
    package8486 (1.0.0)
    package8487 (1.0.0)
    package8488 (1.0.0)
    package8489 (1.0.0)
    package8490 (1.0.0)
    package8491 (1.0.0)
    package8492 (1.0.0)
    package8493 (1.0.0)
    package8494 (1.0.0)
    package8495 (1.0.0)
    package8496 (1.0.0)
    package8497 (1.0.0)
    package8498 (1.0.0)
    package8499 (1.0.0)
    package8500 (1.0.0)
    package8501 (1.0.0)
    package8502 (1.0.0)
    package8503 (1.0.0)
    package8504 (1.0.0)
    package8505 (1.0.0)
    package8506 (1.0.0)
    package8507 (1.0.0)
    package8508 (1.0.0)
    package8509 (1.0.0)
    package8510 (1.0.0)
    package8511 (1.0.0)
    package8512 (1.0.0)
    package8513 (1.0.0)
    package8514 (1.0.0)
    package8515 (1.0.0)
    package8516 (1.0.0)
    package8517 (1.0.0)
    package8518 (1.0.0)
    package8519 (1.0.0)
    package8520 (1.0.0)
    package8521 (1.0.0)
    package8522 (1.0.0)
    package8523 (1.0.0)
    package8524 (1.0.0)
    package8525 (1.0.0)
    package8526 (1.0.0)
    package8527 (1.0.0)
    package8528 (1.0.0)
    package8529 (1.0.0)
    package8530 (1.0.0)
    package8531 (1.0.0)
    package8532 (1.0.0)
    package8533 (1.0.0)
    package8534 (1.0.0)
    package8535 (1.0.0)
    package8536 (1.0.0)
    package8537 (1.0.0)
    package8538 (1.0.0)
    package8539 (1.0.0)
    package8540 (1.0.0)
    package8541 (1.0.0)
    package8542 (1.0.0)
    package8543 (1.0.0)
    package8544 (1.0.0)
    package8545 (1.0.0)
    package8546 (1.0.0)
    package8547 (1.0.0)
    package8548 (1.0.0)
    package8549 (1.0.0)
    package8550 (1.0.0)
    package8551 (1.0.0)
    package8552 (1.0.0)
    package8553 (1.0.0)
    package8554 (1.0.0)
    package8555 (1.0.0)
    package8556 (1.0.0)
    package8557 (1.0.0)
    package8558 (1.0.0)
    package8559 (1.0.0)
    package8560 (1.0.0)
    package8561 (1.0.0)
    package8562 (1.0.0)
    package8563 (1.0.0)
    package8564 (1.0.0)
    package8565 (1.0.0)
    package8566 (1.0.0)
    package8567 (1.0.0)
    package8568 (1.0.0)
    package8569 (1.0.0)
    package8570 (1.0.0)
    package8571 (1.0.0)
    package8572 (1.0.0)
    package8573 (1.0.0)
    package8574 (1.0.0)
    package8575 (1.0.0)
    package8576 (1.0.0)
    package8577 (1.0.0)
    package8578 (1.0.0)
    package8579 (1.0.0)
    package8580 (1.0.0)
    package8581 (1.0.0)
    package8582 (1.0.0)
    package8583 (1.0.0)
    package8584 (1.0.0)
    package8585 (1.0.0)
    package8586 (1.0.0)
    package8587 (1.0.0)
    package8588 (1.0.0)
    package8589 (1.0.0)
    package8590 (1.0.0)
    package8591 (1.0.0)
    package8592 (1.0.0)
    package8593 (1.0.0)
    package8594 (1.0.0)
    package8595 (1.0.0)
    package8596 (1.0.0)
    package8597 (1.0.0)
    package8598 (1.0.0)
    package8599 (1.0.0)
    package8600 (1.0.0)
    package8601 (1.0.0)
    package8602 (1.0.0)
    package8603 (1.0.0)
    package8604 (1.0.0)
    package8605 (1.0.0)
    package8606 (1.0.0)
    package8607 (1.0.0)
    package8608 (1.0.0)
    package8609 (1.0.0)
    package8610 (1.0.0)
    package8611 (1.0.0)
    package8612 (1.0.0)
    package8613 (1.0.0)
    package8614 (1.0.0)
    package8615 (1.0.0)
    package8616 (1.0.0)
    package8617 (1.0.0)
    package8618 (1.0.0)
    package8619 (1.0.0)
    package8620 (1.0.0)
    package8621 (1.0.0)
    package8622 (1.0.0)
    package8623 (1.0.0)
    package8624 (1.0.0)
    package8625 (1.0.0)
    package8626 (1.0.0)
    package8627 (1.0.0)
    package8628 (1.0.0)
    package8629 (1.0.0)
    package8630 (1.0.0)
    package8631 (1.0.0)
    package8632 (1.0.0)
    package8633 (1.0.0)
    package8634 (1.0.0)
    package8635 (1.0.0)
    package8636 (1.0.0)
    package8637 (1.0.0)
    package8638 (1.0.0)
    package8639 (1.0.0)
    package8640 (1.0.0)
    package8641 (1.0.0)
    package8642 (1.0.0)
    package8643 (1.0.0)
    package8644 (1.0.0)
    package8645 (1.0.0)
    package8646 (1.0.0)
    package8647 (1.0.0)
    package8648 (1.0.0)
    package8649 (1.0.0)
    package8650 (1.0.0)
    package8651 (1.0.0)
    package8652 (1.0.0)
    package8653 (1.0.0)
    package8654 (1.0.0)
    package8655 (1.0.0)
    package8656 (1.0.0)
    package8657 (1.0.0)
    package8658 (1.0.0)
    package8659 (1.0.0)
    package8660 (1.0.0)
    package8661 (1.0.0)
    package8662 (1.0.0)
    package8663 (1.0.0)
    package8664 (1.0.0)
    package8665 (1.0.0)
    package8666 (1.0.0)
    package8667 (1.0.0)
    package8668 (1.0.0)
    package8669 (1.0.0)
    package8670 (1.0.0)
    package8671 (1.0.0)
    package8672 (1.0.0)
    package8673 (1.0.0)
    package8674 (1.0.0)
    package8675 (1.0.0)
    package8676 (1.0.0)
    package8677 (1.0.0)
    package8678 (1.0.0)
    package8679 (1.0.0)
    package8680 (1.0.0)
    package8681 (1.0.0)
    package8682 (1.0.0)
    package8683 (1.0.0)
    package8684 (1.0.0)
    package8685 (1.0.0)
    package8686 (1.0.0)
    package8687 (1.0.0)
    package8688 (1.0.0)
    package8689 (1.0.0)
    package8690 (1.0.0)
    package8691 (1.0.0)
    package8692 (1.0.0)
    package8693 (1.0.0)
    package8694 (1.0.0)
    package8695 (1.0.0)
    package8696 (1.0.0)
    package8697 (1.0.0)
    package8698 (1.0.0)
    package8699 (1.0.0)
    package8700 (1.0.0)
    package8701 (1.0.0)
    package8702 (1.0.0)
    package8703 (1.0.0)
    package8704 (1.0.0)
    package8705 (1.0.0)
    package8706 (1.0.0)
    package8707 (1.0.0)
    package8708 (1.0.0)
    package8709 (1.0.0)
    package8710 (1.0.0)
    package8711 (1.0.0)
    package8712 (1.0.0)
    package8713 (1.0.0)
    package8714 (1.0.0)
    package8715 (1.0.0)
    package8716 (1.0.0)
    package8717 (1.0.0)
    package8718 (1.0.0)
    package8719 (1.0.0)
    package8720 (1.0.0)
    package8721 (1.0.0)
    package8722 (1.0.0)
    package8723 (1.0.0)
    package8724 (1.0.0)
    package8725 (1.0.0)
    package8726 (1.0.0)
    package8727 (1.0.0)
    package8728 (1.0.0)
    package8729 (1.0.0)
    package8730 (1.0.0)
    package8731 (1.0.0)
    package8732 (1.0.0)
    package8733 (1.0.0)
    package8734 (1.0.0)
    package8735 (1.0.0)
    package8736 (1.0.0)
    package8737 (1.0.0)
    package8738 (1.0.0)
    package8739 (1.0.0)
    package8740 (1.0.0)
    package8741 (1.0.0)
    package8742 (1.0.0)
    package8743 (1.0.0)
    package8744 (1.0.0)
    package8745 (1.0.0)
    package8746 (1.0.0)
    package8747 (1.0.0)
    package8748 (1.0.0)
    package8749 (1.0.0)
    package8750 (1.0.0)
    package8751 (1.0.0)
    package8752 (1.0.0)
    package8753 (1.0.0)
    package8754 (1.0.0)
    package8755 (1.0.0)
    package8756 (1.0.0)
    package8757 (1.0.0)
    package8758 (1.0.0)
    package8759 (1.0.0)
    package8760 (1.0.0)
    package8761 (1.0.0)
    package8762 (1.0.0)
    package8763 (1.0.0)
    package8764 (1.0.0)
    package8765 (1.0.0)
    package8766 (1.0.0)
    package8767 (1.0.0)
    package8768 (1.0.0)
    package8769 (1.0.0)
    package8770 (1.0.0)
    package8771 (1.0.0)
    package8772 (1.0.0)
    package8773 (1.0.0)
    package8774 (1.0.0)
    package8775 (1.0.0)
    package8776 (1.0.0)
    package8777 (1.0.0)
    package8778 (1.0.0)
    package8779 (1.0.0)
    package8780 (1.0.0)
    package8781 (1.0.0)
    package8782 (1.0.0)
    package8783 (1.0.0)
    package8784 (1.0.0)
    package8785 (1.0.0)
    package8786 (1.0.0)
    package8787 (1.0.0)
    package8788 (1.0.0)
    package8789 (1.0.0)
    package8790 (1.0.0)
    package8791 (1.0.0)
    package8792 (1.0.0)
    package8793 (1.0.0)
    package8794 (1.0.0)
    package8795 (1.0.0)
    package8796 (1.0.0)
    package8797 (1.0.0)
    package8798 (1.0.0)
    package8799 (1.0.0)
    package8800 (1.0.0)
    package8801 (1.0.0)
    package8802 (1.0.0)
    package8803 (1.0.0)
    package8804 (1.0.0)
    package8805 (1.0.0)
    package8806 (1.0.0)
    package8807 (1.0.0)
    package8808 (1.0.0)
    package8809 (1.0.0)
    package8810 (1.0.0)
    package8811 (1.0.0)
    package8812 (1.0.0)
    package8813 (1.0.0)
    package8814 (1.0.0)
    package8815 (1.0.0)
    package8816 (1.0.0)
    package8817 (1.0.0)
    package8818 (1.0.0)
    package8819 (1.0.0)
    package8820 (1.0.0)
    package8821 (1.0.0)
    package8822 (1.0.0)
    package8823 (1.0.0)
    package8824 (1.0.0)
    package8825 (1.0.0)
    package8826 (1.0.0)
    package8827 (1.0.0)
    package8828 (1.0.0)
    package8829 (1.0.0)
    package8830 (1.0.0)
    package8831 (1.0.0)
    package8832 (1.0.0)
    package8833 (1.0.0)
    package8834 (1.0.0)
    package8835 (1.0.0)
    package8836 (1.0.0)
    package8837 (1.0.0)
    package8838 (1.0.0)
    package8839 (1.0.0)
    package8840 (1.0.0)
    package8841 (1.0.0)
    package8842 (1.0.0)
    package8843 (1.0.0)
    package8844 (1.0.0)
    package8845 (1.0.0)
    package8846 (1.0.0)
    package8847 (1.0.0)
    package8848 (1.0.0)
    package8849 (1.0.0)
    package8850 (1.0.0)
    package8851 (1.0.0)
    package8852 (1.0.0)
    package8853 (1.0.0)
    package8854 (1.0.0)
    package8855 (1.0.0)
    package8856 (1.0.0)
    package8857 (1.0.0)
    package8858 (1.0.0)
    package8859 (1.0.0)
    package8860 (1.0.0)
    package8861 (1.0.0)
    package8862 (1.0.0)
    package8863 (1.0.0)
    package8864 (1.0.0)
    package8865 (1.0.0)
    package8866 (1.0.0)
    package8867 (1.0.0)
    package8868 (1.0.0)
    package8869 (1.0.0)
    package8870 (1.0.0)
    package8871 (1.0.0)
    package8872 (1.0.0)
    package8873 (1.0.0)
    package8874 (1.0.0)
    package8875 (1.0.0)
    package8876 (1.0.0)
    package8877 (1.0.0)
    package8878 (1.0.0)
    package8879 (1.0.0)
    package8880 (1.0.0)
    package8881 (1.0.0)
    package8882 (1.0.0)
    package8883 (1.0.0)
    package8884 (1.0.0)
    package8885 (1.0.0)
    package8886 (1.0.0)
    package8887 (1.0.0)
    package8888 (1.0.0)
    package8889 (1.0.0)
    package8890 (1.0.0)
    package8891 (1.0.0)
    package8892 (1.0.0)
    package8893 (1.0.0)
    package8894 (1.0.0)
    package8895 (1.0.0)
    package8896 (1.0.0)
    package8897 (1.0.0)
    package8898 (1.0.0)
    package8899 (1.0.0)
    package8900 (1.0.0)
    package8901 (1.0.0)
    package8902 (1.0.0)
    package8903 (1.0.0)
    package8904 (1.0.0)
    package8905 (1.0.0)
    package8906 (1.0.0)
    package8907 (1.0.0)
    package8908 (1.0.0)
    package8909 (1.0.0)
    package8910 (1.0.0)
    package8911 (1.0.0)
    package8912 (1.0.0)
    package8913 (1.0.0)
    package8914 (1.0.0)
    package8915 (1.0.0)
    package8916 (1.0.0)
    package8917 (1.0.0)
    package8918 (1.0.0)
    package8919 (1.0.0)
    package8920 (1.0.0)
    package8921 (1.0.0)
    package8922 (1.0.0)
    package8923 (1.0.0)
    package8924 (1.0.0)
    package8925 (1.0.0)
    package8926 (1.0.0)
    package8927 (1.0.0)
    package8928 (1.0.0)
    package8929 (1.0.0)
    package8930 (1.0.0)
    package8931 (1.0.0)
    package8932 (1.0.0)
    package8933 (1.0.0)
    package8934 (1.0.0)
    package8935 (1.0.0)
    package8936 (1.0.0)
    package8937 (1.0.0)
    package8938 (1.0.0)
    package8939 (1.0.0)
    package8940 (1.0.0)
    package8941 (1.0.0)
    package8942 (1.0.0)
    package8943 (1.0.0)
    package8944 (1.0.0)
    package8945 (1.0.0)
    package8946 (1.0.0)
    package8947 (1.0.0)
    package8948 (1.0.0)
    package8949 (1.0.0)
    package8950 (1.0.0)
    package8951 (1.0.0)
    package8952 (1.0.0)
    package8953 (1.0.0)
    package8954 (1.0.0)
    package8955 (1.0.0)
    package8956 (1.0.0)
    package8957 (1.0.0)
    package8958 (1.0.0)
    package8959 (1.0.0)
    package8960 (1.0.0)
    package8961 (1.0.0)
    package8962 (1.0.0)
    package8963 (1.0.0)
    package8964 (1.0.0)
    package8965 (1.0.0)
    package8966 (1.0.0)
    package8967 (1.0.0)
    package8968 (1.0.0)
    package8969 (1.0.0)
    package8970 (1.0.0)
    package8971 (1.0.0)
    package8972 (1.0.0)
    package8973 (1.0.0)
    package8974 (1.0.0)
    package8975 (1.0.0)
    package8976 (1.0.0)
    package8977 (1.0.0)
    package8978 (1.0.0)
    package8979 (1.0.0)
    package8980 (1.0.0)
    package8981 (1.0.0)
    package8982 (1.0.0)
    package8983 (1.0.0)
    package8984 (1.0.0)
    package8985 (1.0.0)
    package8986 (1.0.0)
    package8987 (1.0.0)
    package8988 (1.0.0)
    package8989 (1.0.0)
    package8990 (1.0.0)
    package8991 (1.0.0)
    package8992 (1.0.0)
    package8993 (1.0.0)
    package8994 (1.0.0)
    package8995 (1.0.0)
    package8996 (1.0.0)
    package8997 (1.0.0)
    package8998 (1.0.0)
    package8999 (1.0.0)
    package9000 (1.0.0)
    package9001 (1.0.0)
    package9002 (1.0.0)
    package9003 (1.0.0)
    package9004 (1.0.0)
    package9005 (1.0.0)
    package9006 (1.0.0)
    package9007 (1.0.0)
    package9008 (1.0.0)
    package9009 (1.0.0)
    package9010 (1.0.0)
    package9011 (1.0.0)
    package9012 (1.0.0)
    package9013 (1.0.0)
    package9014 (1.0.0)
    package9015 (1.0.0)
    package9016 (1.0.0)
    package9017 (1.0.0)
    package9018 (1.0.0)
    package9019 (1.0.0)
    package9020 (1.0.0)
    package9021 (1.0.0)
    package9022 (1.0.0)
    package9023 (1.0.0)
    package9024 (1.0.0)
    package9025 (1.0.0)
    package9026 (1.0.0)
    package9027 (1.0.0)
    package9028 (1.0.0)
    package9029 (1.0.0)
    package9030 (1.0.0)
    package9031 (1.0.0)
    package9032 (1.0.0)
    package9033 (1.0.0)
    package9034 (1.0.0)
    package9035 (1.0.0)
    package9036 (1.0.0)
    package9037 (1.0.0)
    package9038 (1.0.0)
    package9039 (1.0.0)
    package9040 (1.0.0)
    package9041 (1.0.0)
    package9042 (1.0.0)
    package9043 (1.0.0)
    package9044 (1.0.0)
    package9045 (1.0.0)
    package9046 (1.0.0)
    package9047 (1.0.0)
    package9048 (1.0.0)
    package9049 (1.0.0)
    package9050 (1.0.0)
    package9051 (1.0.0)
    package9052 (1.0.0)
    package9053 (1.0.0)
    package9054 (1.0.0)
    package9055 (1.0.0)
    package9056 (1.0.0)
    package9057 (1.0.0)
    package9058 (1.0.0)
    package9059 (1.0.0)
    package9060 (1.0.0)
    package9061 (1.0.0)
    package9062 (1.0.0)
    package9063 (1.0.0)
    package9064 (1.0.0)
    package9065 (1.0.0)
    package9066 (1.0.0)
    package9067 (1.0.0)
    package9068 (1.0.0)
    package9069 (1.0.0)
    package9070 (1.0.0)
    package9071 (1.0.0)
    package9072 (1.0.0)
    package9073 (1.0.0)
    package9074 (1.0.0)
    package9075 (1.0.0)
    package9076 (1.0.0)
    package9077 (1.0.0)
    package9078 (1.0.0)
    package9079 (1.0.0)
    package9080 (1.0.0)
    package9081 (1.0.0)
    package9082 (1.0.0)
    package9083 (1.0.0)
    package9084 (1.0.0)
    package9085 (1.0.0)
    package9086 (1.0.0)
    package9087 (1.0.0)
    package9088 (1.0.0)
    package9089 (1.0.0)
    package9090 (1.0.0)
    package9091 (1.0.0)
    package9092 (1.0.0)
    package9093 (1.0.0)
    package9094 (1.0.0)
    package9095 (1.0.0)
    package9096 (1.0.0)
    package9097 (1.0.0)
    package9098 (1.0.0)
    package9099 (1.0.0)
    package9100 (1.0.0)
    package9101 (1.0.0)
    package9102 (1.0.0)
    package9103 (1.0.0)
    package9104 (1.0.0)
    package9105 (1.0.0)
    package9106 (1.0.0)
    package9107 (1.0.0)
    package9108 (1.0.0)
    package9109 (1.0.0)
    package9110 (1.0.0)
    package9111 (1.0.0)
    package9112 (1.0.0)
    package9113 (1.0.0)
    package9114 (1.0.0)
    package9115 (1.0.0)
    package9116 (1.0.0)
    package9117 (1.0.0)
    package9118 (1.0.0)
    package9119 (1.0.0)
    package9120 (1.0.0)
    package9121 (1.0.0)
    package9122 (1.0.0)
    package9123 (1.0.0)
    package9124 (1.0.0)
    package9125 (1.0.0)
    package9126 (1.0.0)
    package9127 (1.0.0)
    package9128 (1.0.0)
    package9129 (1.0.0)
    package9130 (1.0.0)
    package9131 (1.0.0)
    package9132 (1.0.0)
    package9133 (1.0.0)
    package9134 (1.0.0)
    package9135 (1.0.0)
    package9136 (1.0.0)
    package9137 (1.0.0)
    package9138 (1.0.0)
    package9139 (1.0.0)
    package9140 (1.0.0)
    package9141 (1.0.0)
    package9142 (1.0.0)
    package9143 (1.0.0)
    package9144 (1.0.0)
    package9145 (1.0.0)
    package9146 (1.0.0)
    package9147 (1.0.0)
    package9148 (1.0.0)
    package9149 (1.0.0)
    package9150 (1.0.0)
    package9151 (1.0.0)
    package9152 (1.0.0)
    package9153 (1.0.0)
    package9154 (1.0.0)
    package9155 (1.0.0)
    package9156 (1.0.0)
    package9157 (1.0.0)
    package9158 (1.0.0)
    package9159 (1.0.0)
    package9160 (1.0.0)
    package9161 (1.0.0)
    package9162 (1.0.0)
    package9163 (1.0.0)
    package9164 (1.0.0)
    package9165 (1.0.0)
    package9166 (1.0.0)
    package9167 (1.0.0)
    package9168 (1.0.0)
    package9169 (1.0.0)
    package9170 (1.0.0)
    package9171 (1.0.0)
    package9172 (1.0.0)
    package9173 (1.0.0)
    package9174 (1.0.0)
    package9175 (1.0.0)
    package9176 (1.0.0)
    package9177 (1.0.0)
    package9178 (1.0.0)
    package9179 (1.0.0)
    package9180 (1.0.0)
    package9181 (1.0.0)
    package9182 (1.0.0)
    package9183 (1.0.0)
    package9184 (1.0.0)
    package9185 (1.0.0)
    package9186 (1.0.0)
    package9187 (1.0.0)
    package9188 (1.0.0)
    package9189 (1.0.0)
    package9190 (1.0.0)
    package9191 (1.0.0)
    package9192 (1.0.0)
    package9193 (1.0.0)
    package9194 (1.0.0)
    package9195 (1.0.0)
    package9196 (1.0.0)
    package9197 (1.0.0)
    package9198 (1.0.0)
    package9199 (1.0.0)
    package9200 (1.0.0)
    package9201 (1.0.0)
    package9202 (1.0.0)
    package9203 (1.0.0)
    package9204 (1.0.0)
    package9205 (1.0.0)
    package9206 (1.0.0)
    package9207 (1.0.0)
    package9208 (1.0.0)
    package9209 (1.0.0)
    package9210 (1.0.0)
    package9211 (1.0.0)
    package9212 (1.0.0)
    package9213 (1.0.0)
    package9214 (1.0.0)
    package9215 (1.0.0)
    package9216 (1.0.0)
    package9217 (1.0.0)
    package9218 (1.0.0)
    package9219 (1.0.0)
    package9220 (1.0.0)
    package9221 (1.0.0)
    package9222 (1.0.0)
    package9223 (1.0.0)
    package9224 (1.0.0)
    package9225 (1.0.0)
    package9226 (1.0.0)
    package9227 (1.0.0)
    package9228 (1.0.0)
    package9229 (1.0.0)
    package9230 (1.0.0)
    package9231 (1.0.0)
    package9232 (1.0.0)
    package9233 (1.0.0)
    package9234 (1.0.0)
    package9235 (1.0.0)
    package9236 (1.0.0)
    package9237 (1.0.0)
    package9238 (1.0.0)
    package9239 (1.0.0)
    package9240 (1.0.0)
    package9241 (1.0.0)
    package9242 (1.0.0)
    package9243 (1.0.0)
    package9244 (1.0.0)
    package9245 (1.0.0)
    package9246 (1.0.0)
    package9247 (1.0.0)
    package9248 (1.0.0)
    package9249 (1.0.0)
    package9250 (1.0.0)
    package9251 (1.0.0)
    package9252 (1.0.0)
    package9253 (1.0.0)
    package9254 (1.0.0)
    package9255 (1.0.0)
    package9256 (1.0.0)
    package9257 (1.0.0)
    package9258 (1.0.0)
    package9259 (1.0.0)
    package9260 (1.0.0)
    package9261 (1.0.0)
    package9262 (1.0.0)
    package9263 (1.0.0)
    package9264 (1.0.0)
    package9265 (1.0.0)
    package9266 (1.0.0)
    package9267 (1.0.0)
    package9268 (1.0.0)
    package9269 (1.0.0)
    package9270 (1.0.0)
    package9271 (1.0.0)
    package9272 (1.0.0)
    package9273 (1.0.0)
    package9274 (1.0.0)
    package9275 (1.0.0)
    package9276 (1.0.0)
    package9277 (1.0.0)
    package9278 (1.0.0)
    package9279 (1.0.0)
    package9280 (1.0.0)
    package9281 (1.0.0)
    package9282 (1.0.0)
    package9283 (1.0.0)
    package9284 (1.0.0)
    package9285 (1.0.0)
    package9286 (1.0.0)
    package9287 (1.0.0)
    package9288 (1.0.0)
    package9289 (1.0.0)
    package9290 (1.0.0)
    package9291 (1.0.0)
    package9292 (1.0.0)
    package9293 (1.0.0)
    package9294 (1.0.0)
    package9295 (1.0.0)
    package9296 (1.0.0)
    package9297 (1.0.0)
    package9298 (1.0.0)
    package9299 (1.0.0)
    package9300 (1.0.0)
    package9301 (1.0.0)
    package9302 (1.0.0)
    package9303 (1.0.0)
    package9304 (1.0.0)
    package9305 (1.0.0)
    package9306 (1.0.0)
    package9307 (1.0.0)
    package9308 (1.0.0)
    package9309 (1.0.0)
    package9310 (1.0.0)
    package9311 (1.0.0)
    package9312 (1.0.0)
    package9313 (1.0.0)
    package9314 (1.0.0)
    package9315 (1.0.0)
    package9316 (1.0.0)
    package9317 (1.0.0)
    package9318 (1.0.0)
    package9319 (1.0.0)
    package9320 (1.0.0)
    package9321 (1.0.0)
    package9322 (1.0.0)
    package9323 (1.0.0)
    package9324 (1.0.0)
    package9325 (1.0.0)
    package9326 (1.0.0)
    package9327 (1.0.0)
    package9328 (1.0.0)
    package9329 (1.0.0)
    package9330 (1.0.0)
    package9331 (1.0.0)
    package9332 (1.0.0)
    package9333 (1.0.0)
    package9334 (1.0.0)
    package9335 (1.0.0)
    package9336 (1.0.0)
    package9337 (1.0.0)
    package9338 (1.0.0)
    package9339 (1.0.0)
    package9340 (1.0.0)
    package9341 (1.0.0)
    package9342 (1.0.0)
    package9343 (1.0.0)
    package9344 (1.0.0)
    package9345 (1.0.0)
    package9346 (1.0.0)
    package9347 (1.0.0)
    package9348 (1.0.0)
    package9349 (1.0.0)
    package9350 (1.0.0)
    package9351 (1.0.0)
    package9352 (1.0.0)
    package9353 (1.0.0)
    package9354 (1.0.0)
    package9355 (1.0.0)
    package9356 (1.0.0)
    package9357 (1.0.0)
    package9358 (1.0.0)
    package9359 (1.0.0)
    package9360 (1.0.0)
    package9361 (1.0.0)
    package9362 (1.0.0)
    package9363 (1.0.0)
    package9364 (1.0.0)
    package9365 (1.0.0)
    package9366 (1.0.0)
    package9367 (1.0.0)
    package9368 (1.0.0)
    package9369 (1.0.0)
    package9370 (1.0.0)
    package9371 (1.0.0)
    package9372 (1.0.0)
    package9373 (1.0.0)
    package9374 (1.0.0)
    package9375 (1.0.0)
    package9376 (1.0.0)
    package9377 (1.0.0)
    package9378 (1.0.0)
    package9379 (1.0.0)
    package9380 (1.0.0)
    package9381 (1.0.0)
    package9382 (1.0.0)
    package9383 (1.0.0)
    package9384 (1.0.0)
    package9385 (1.0.0)
    package9386 (1.0.0)
    package9387 (1.0.0)
    package9388 (1.0.0)
    package9389 (1.0.0)
    package9390 (1.0.0)
    package9391 (1.0.0)
    package9392 (1.0.0)
    package9393 (1.0.0)
    package9394 (1.0.0)
    package9395 (1.0.0)
    package9396 (1.0.0)
    package9397 (1.0.0)
    package9398 (1.0.0)
    package9399 (1.0.0)
    package9400 (1.0.0)
    package9401 (1.0.0)
    package9402 (1.0.0)
    package9403 (1.0.0)
    package9404 (1.0.0)
    package9405 (1.0.0)
    package9406 (1.0.0)
    package9407 (1.0.0)
    package9408 (1.0.0)
    package9409 (1.0.0)
    package9410 (1.0.0)
    package9411 (1.0.0)
    package9412 (1.0.0)
    package9413 (1.0.0)
    package9414 (1.0.0)
    package9415 (1.0.0)
    package9416 (1.0.0)
    package9417 (1.0.0)
    package9418 (1.0.0)
    package9419 (1.0.0)
    package9420 (1.0.0)
    package9421 (1.0.0)
    package9422 (1.0.0)
    package9423 (1.0.0)
    package9424 (1.0.0)
    package9425 (1.0.0)
    package9426 (1.0.0)
    package9427 (1.0.0)
    package9428 (1.0.0)
    package9429 (1.0.0)
    package9430 (1.0.0)
    package9431 (1.0.0)
    package9432 (1.0.0)
    package9433 (1.0.0)
    package9434 (1.0.0)
    package9435 (1.0.0)
    package9436 (1.0.0)
    package9437 (1.0.0)
    package9438 (1.0.0)
    package9439 (1.0.0)
    package9440 (1.0.0)
    package9441 (1.0.0)
    package9442 (1.0.0)
    package9443 (1.0.0)
    package9444 (1.0.0)
    package9445 (1.0.0)
    package9446 (1.0.0)
    package9447 (1.0.0)
    package9448 (1.0.0)
    package9449 (1.0.0)
    package9450 (1.0.0)
    package9451 (1.0.0)
    package9452 (1.0.0)
    package9453 (1.0.0)
    package9454 (1.0.0)
    package9455 (1.0.0)
    package9456 (1.0.0)
    package9457 (1.0.0)
    package9458 (1.0.0)
    package9459 (1.0.0)
    package9460 (1.0.0)
    package9461 (1.0.0)
    package9462 (1.0.0)
    package9463 (1.0.0)
    package9464 (1.0.0)
    package9465 (1.0.0)
    package9466 (1.0.0)
    package9467 (1.0.0)
    package9468 (1.0.0)
    package9469 (1.0.0)
    package9470 (1.0.0)
    package9471 (1.0.0)
    package9472 (1.0.0)
    package9473 (1.0.0)
    package9474 (1.0.0)
    package9475 (1.0.0)
    package9476 (1.0.0)
    package9477 (1.0.0)
    package9478 (1.0.0)
    package9479 (1.0.0)
    package9480 (1.0.0)
    package9481 (1.0.0)
    package9482 (1.0.0)
    package9483 (1.0.0)
    package9484 (1.0.0)
    package9485 (1.0.0)
    package9486 (1.0.0)
    package9487 (1.0.0)
    package9488 (1.0.0)
    package9489 (1.0.0)
    package9490 (1.0.0)
    package9491 (1.0.0)
    package9492 (1.0.0)
    package9493 (1.0.0)
    package9494 (1.0.0)
    package9495 (1.0.0)
    package9496 (1.0.0)
    package9497 (1.0.0)
    package9498 (1.0.0)
    package9499 (1.0.0)
    package9500 (1.0.0)
    package9501 (1.0.0)
    package9502 (1.0.0)
    package9503 (1.0.0)
    package9504 (1.0.0)
    package9505 (1.0.0)
    package9506 (1.0.0)
    package9507 (1.0.0)
    package9508 (1.0.0)
    package9509 (1.0.0)
    package9510 (1.0.0)
    package9511 (1.0.0)
    package9512 (1.0.0)
    package9513 (1.0.0)
    package9514 (1.0.0)
    package9515 (1.0.0)
    package9516 (1.0.0)
    package9517 (1.0.0)
    package9518 (1.0.0)
    package9519 (1.0.0)
    package9520 (1.0.0)
    package9521 (1.0.0)
    package9522 (1.0.0)
    package9523 (1.0.0)
    package9524 (1.0.0)
    package9525 (1.0.0)
    package9526 (1.0.0)
    package9527 (1.0.0)
    package9528 (1.0.0)
    package9529 (1.0.0)
    package9530 (1.0.0)
    package9531 (1.0.0)
    package9532 (1.0.0)
    package9533 (1.0.0)
    package9534 (1.0.0)
    package9535 (1.0.0)
    package9536 (1.0.0)
    package9537 (1.0.0)
    package9538 (1.0.0)
    package9539 (1.0.0)
    package9540 (1.0.0)
    package9541 (1.0.0)
    package9542 (1.0.0)
    package9543 (1.0.0)
    package9544 (1.0.0)
    package9545 (1.0.0)
    package9546 (1.0.0)
    package9547 (1.0.0)
    package9548 (1.0.0)
    package9549 (1.0.0)
    package9550 (1.0.0)
    package9551 (1.0.0)
    package9552 (1.0.0)
    package9553 (1.0.0)
    package9554 (1.0.0)
    package9555 (1.0.0)
    package9556 (1.0.0)
    package9557 (1.0.0)
    package9558 (1.0.0)
    package9559 (1.0.0)
    package9560 (1.0.0)
    package9561 (1.0.0)
    package9562 (1.0.0)
    package9563 (1.0.0)
    package9564 (1.0.0)
    package9565 (1.0.0)
    package9566 (1.0.0)
    package9567 (1.0.0)
    package9568 (1.0.0)
    package9569 (1.0.0)
    package9570 (1.0.0)
    package9571 (1.0.0)
    package9572 (1.0.0)
    package9573 (1.0.0)
    package9574 (1.0.0)
    package9575 (1.0.0)
    package9576 (1.0.0)
    package9577 (1.0.0)
    package9578 (1.0.0)
    package9579 (1.0.0)
    package9580 (1.0.0)
    package9581 (1.0.0)
    package9582 (1.0.0)
    package9583 (1.0.0)
    package9584 (1.0.0)
    package9585 (1.0.0)
    package9586 (1.0.0)
    package9587 (1.0.0)
    package9588 (1.0.0)
    package9589 (1.0.0)
    package9590 (1.0.0)
    package9591 (1.0.0)
    package9592 (1.0.0)
    package9593 (1.0.0)
    package9594 (1.0.0)
    package9595 (1.0.0)
    package9596 (1.0.0)
    package9597 (1.0.0)
    package9598 (1.0.0)
    package9599 (1.0.0)
    package9600 (1.0.0)
    package9601 (1.0.0)
    package9602 (1.0.0)
    package9603 (1.0.0)
    package9604 (1.0.0)
    package9605 (1.0.0)
    package9606 (1.0.0)
    package9607 (1.0.0)
    package9608 (1.0.0)
    package9609 (1.0.0)
    package9610 (1.0.0)
    package9611 (1.0.0)
    package9612 (1.0.0)
    package9613 (1.0.0)
    package9614 (1.0.0)
    package9615 (1.0.0)
    package9616 (1.0.0)
    package9617 (1.0.0)
    package9618 (1.0.0)
    package9619 (1.0.0)
    package9620 (1.0.0)
    package9621 (1.0.0)
    package9622 (1.0.0)
    package9623 (1.0.0)
    package9624 (1.0.0)
    package9625 (1.0.0)
    package9626 (1.0.0)
    package9627 (1.0.0)
    package9628 (1.0.0)
    package9629 (1.0.0)
    package9630 (1.0.0)
    package9631 (1.0.0)
    package9632 (1.0.0)
    package9633 (1.0.0)
    package9634 (1.0.0)
    package9635 (1.0.0)
    package9636 (1.0.0)
    package9637 (1.0.0)
    package9638 (1.0.0)
    package9639 (1.0.0)
    package9640 (1.0.0)
    package9641 (1.0.0)
    package9642 (1.0.0)
    package9643 (1.0.0)
    package9644 (1.0.0)
    package9645 (1.0.0)
    package9646 (1.0.0)
    package9647 (1.0.0)
    package9648 (1.0.0)
    package9649 (1.0.0)
    package9650 (1.0.0)
    package9651 (1.0.0)
    package9652 (1.0.0)
    package9653 (1.0.0)
    package9654 (1.0.0)
    package9655 (1.0.0)
    package9656 (1.0.0)
    package9657 (1.0.0)
    package9658 (1.0.0)
    package9659 (1.0.0)
    package9660 (1.0.0)
    package9661 (1.0.0)
    package9662 (1.0.0)
    package9663 (1.0.0)
    package9664 (1.0.0)
    package9665 (1.0.0)
    package9666 (1.0.0)
    package9667 (1.0.0)
    package9668 (1.0.0)
    package9669 (1.0.0)
    package9670 (1.0.0)
    package9671 (1.0.0)
    package9672 (1.0.0)
    package9673 (1.0.0)
    package9674 (1.0.0)
    package9675 (1.0.0)
    package9676 (1.0.0)
    package9677 (1.0.0)
    package9678 (1.0.0)
    package9679 (1.0.0)
    package9680 (1.0.0)
    package9681 (1.0.0)
    package9682 (1.0.0)
    package9683 (1.0.0)
    package9684 (1.0.0)
    package9685 (1.0.0)
    package9686 (1.0.0)
    package9687 (1.0.0)
    package9688 (1.0.0)
    package9689 (1.0.0)
    package9690 (1.0.0)
    package9691 (1.0.0)
    package9692 (1.0.0)
    package9693 (1.0.0)
    package9694 (1.0.0)
    package9695 (1.0.0)
    package9696 (1.0.0)
    package9697 (1.0.0)
    package9698 (1.0.0)
    package9699 (1.0.0)
    package9700 (1.0.0)
    package9701 (1.0.0)
    package9702 (1.0.0)
    package9703 (1.0.0)
    package9704 (1.0.0)
    package9705 (1.0.0)
    package9706 (1.0.0)
    package9707 (1.0.0)
    package9708 (1.0.0)
    package9709 (1.0.0)
    package9710 (1.0.0)
    package9711 (1.0.0)
    package9712 (1.0.0)
    package9713 (1.0.0)
    package9714 (1.0.0)
    package9715 (1.0.0)
    package9716 (1.0.0)
    package9717 (1.0.0)
    package9718 (1.0.0)
    package9719 (1.0.0)
    package9720 (1.0.0)
    package9721 (1.0.0)
    package9722 (1.0.0)
    package9723 (1.0.0)
    package9724 (1.0.0)
    package9725 (1.0.0)
    package9726 (1.0.0)
    package9727 (1.0.0)
    package9728 (1.0.0)
    package9729 (1.0.0)
    package9730 (1.0.0)
    package9731 (1.0.0)
    package9732 (1.0.0)
    package9733 (1.0.0)
    package9734 (1.0.0)
    package9735 (1.0.0)
    package9736 (1.0.0)
    package9737 (1.0.0)
    package9738 (1.0.0)
    package9739 (1.0.0)
    package9740 (1.0.0)
    package9741 (1.0.0)
    package9742 (1.0.0)
    package9743 (1.0.0)
    package9744 (1.0.0)
    package9745 (1.0.0)
    package9746 (1.0.0)
    package9747 (1.0.0)
    package9748 (1.0.0)
    package9749 (1.0.0)
    package9750 (1.0.0)
    package9751 (1.0.0)
    package9752 (1.0.0)
    package9753 (1.0.0)
    package9754 (1.0.0)
    package9755 (1.0.0)
    package9756 (1.0.0)
    package9757 (1.0.0)
    package9758 (1.0.0)
    package9759 (1.0.0)
    package9760 (1.0.0)
    package9761 (1.0.0)
    package9762 (1.0.0)
    package9763 (1.0.0)
    package9764 (1.0.0)
    package9765 (1.0.0)
    package9766 (1.0.0)
    package9767 (1.0.0)
    package9768 (1.0.0)
    package9769 (1.0.0)
    package9770 (1.0.0)
    package9771 (1.0.0)
    package9772 (1.0.0)
    package9773 (1.0.0)
    package9774 (1.0.0)
    package9775 (1.0.0)
    package9776 (1.0.0)
    package9777 (1.0.0)
    package9778 (1.0.0)
    package9779 (1.0.0)
    package9780 (1.0.0)
    package9781 (1.0.0)
    package9782 (1.0.0)
    package9783 (1.0.0)
    package9784 (1.0.0)
    package9785 (1.0.0)
    package9786 (1.0.0)
    package9787 (1.0.0)
    package9788 (1.0.0)
    package9789 (1.0.0)
    package9790 (1.0.0)
    package9791 (1.0.0)
    package9792 (1.0.0)
    package9793 (1.0.0)
    package9794 (1.0.0)
    package9795 (1.0.0)
    package9796 (1.0.0)
    package9797 (1.0.0)
    package9798 (1.0.0)
    package9799 (1.0.0)
    package9800 (1.0.0)
    package9801 (1.0.0)
    package9802 (1.0.0)
    package9803 (1.0.0)
    package9804 (1.0.0)
    package9805 (1.0.0)
    package9806 (1.0.0)
    package9807 (1.0.0)
    package9808 (1.0.0)
    package9809 (1.0.0)
    package9810 (1.0.0)
    package9811 (1.0.0)
    package9812 (1.0.0)
    package9813 (1.0.0)
    package9814 (1.0.0)
    package9815 (1.0.0)
    package9816 (1.0.0)
    package9817 (1.0.0)
    package9818 (1.0.0)
    package9819 (1.0.0)
    package9820 (1.0.0)
    package9821 (1.0.0)
    package9822 (1.0.0)
    package9823 (1.0.0)
    package9824 (1.0.0)
    package9825 (1.0.0)
    package9826 (1.0.0)
    package9827 (1.0.0)
    package9828 (1.0.0)
    package9829 (1.0.0)
    package9830 (1.0.0)
    package9831 (1.0.0)
    package9832 (1.0.0)
    package9833 (1.0.0)
    package9834 (1.0.0)
    package9835 (1.0.0)
    package9836 (1.0.0)
    package9837 (1.0.0)
    package9838 (1.0.0)
    package9839 (1.0.0)
    package9840 (1.0.0)
    package9841 (1.0.0)
    package9842 (1.0.0)
    package9843 (1.0.0)
    package9844 (1.0.0)
    package9845 (1.0.0)
    package9846 (1.0.0)
    package9847 (1.0.0)
    package9848 (1.0.0)
    package9849 (1.0.0)
    package9850 (1.0.0)
    package9851 (1.0.0)
    package9852 (1.0.0)
    package9853 (1.0.0)
    package9854 (1.0.0)
    package9855 (1.0.0)
    package9856 (1.0.0)
    package9857 (1.0.0)
    package9858 (1.0.0)
    package9859 (1.0.0)
    package9860 (1.0.0)
    package9861 (1.0.0)
    package9862 (1.0.0)
    package9863 (1.0.0)
    package9864 (1.0.0)
    package9865 (1.0.0)
    package9866 (1.0.0)
    package9867 (1.0.0)
    package9868 (1.0.0)
    package9869 (1.0.0)
    package9870 (1.0.0)
    package9871 (1.0.0)
    package9872 (1.0.0)
    package9873 (1.0.0)
    package9874 (1.0.0)
    package9875 (1.0.0)
    package9876 (1.0.0)
    package9877 (1.0.0)
    package9878 (1.0.0)
    package9879 (1.0.0)
    package9880 (1.0.0)
    package9881 (1.0.0)
    package9882 (1.0.0)
    package9883 (1.0.0)
    package9884 (1.0.0)
    package9885 (1.0.0)
    package9886 (1.0.0)
    package9887 (1.0.0)
    package9888 (1.0.0)
    package9889 (1.0.0)
    package9890 (1.0.0)
    package9891 (1.0.0)
    package9892 (1.0.0)
    package9893 (1.0.0)
    package9894 (1.0.0)
    package9895 (1.0.0)
    package9896 (1.0.0)
    package9897 (1.0.0)
    package9898 (1.0.0)
    package9899 (1.0.0)
    package9900 (1.0.0)
    package9901 (1.0.0)
    package9902 (1.0.0)
    package9903 (1.0.0)
    package9904 (1.0.0)
    package9905 (1.0.0)
    package9906 (1.0.0)
    package9907 (1.0.0)
    package9908 (1.0.0)
    package9909 (1.0.0)
    package9910 (1.0.0)
    package9911 (1.0.0)
    package9912 (1.0.0)
    package9913 (1.0.0)
    package9914 (1.0.0)
    package9915 (1.0.0)
    package9916 (1.0.0)
    package9917 (1.0.0)
    package9918 (1.0.0)
    package9919 (1.0.0)
    package9920 (1.0.0)
    package9921 (1.0.0)
    package9922 (1.0.0)
    package9923 (1.0.0)
    package9924 (1.0.0)
    package9925 (1.0.0)
    package9926 (1.0.0)
    package9927 (1.0.0)
    package9928 (1.0.0)
    package9929 (1.0.0)
    package9930 (1.0.0)
    package9931 (1.0.0)
    package9932 (1.0.0)
    package9933 (1.0.0)
    package9934 (1.0.0)
    package9935 (1.0.0)
    package9936 (1.0.0)
    package9937 (1.0.0)
    package9938 (1.0.0)
    package9939 (1.0.0)
    package9940 (1.0.0)
    package9941 (1.0.0)
    package9942 (1.0.0)
    package9943 (1.0.0)
    package9944 (1.0.0)
    package9945 (1.0.0)
    package9946 (1.0.0)
    package9947 (1.0.0)
    package9948 (1.0.0)
    package9949 (1.0.0)
    package9950 (1.0.0)
    package9951 (1.0.0)
    package9952 (1.0.0)
    package9953 (1.0.0)
    package9954 (1.0.0)
    package9955 (1.0.0)
    package9956 (1.0.0)
    package9957 (1.0.0)
    package9958 (1.0.0)
    package9959 (1.0.0)
    package9960 (1.0.0)
    package9961 (1.0.0)
    package9962 (1.0.0)
    package9963 (1.0.0)
    package9964 (1.0.0)
    package9965 (1.0.0)
    package9966 (1.0.0)
    package9967 (1.0.0)
    package9968 (1.0.0)
    package9969 (1.0.0)
    package9970 (1.0.0)
    package9971 (1.0.0)
    package9972 (1.0.0)
    package9973 (1.0.0)
    package9974 (1.0.0)
    package9975 (1.0.0)
    package9976 (1.0.0)
    package9977 (1.0.0)
    package9978 (1.0.0)
    package9979 (1.0.0)
    package9980 (1.0.0)
    package9981 (1.0.0)
    package9982 (1.0.0)
    package9983 (1.0.0)
    package9984 (1.0.0)
    package9985 (1.0.0)
    package9986 (1.0.0)
    package9987 (1.0.0)
    package9988 (1.0.0)
    package9989 (1.0.0)
    package9990 (1.0.0)
    package9991 (1.0.0)
    package9992 (1.0.0)
    package9993 (1.0.0)
    package9994 (1.0.0)
    package9995 (1.0.0)
    package9996 (1.0.0)
    package9997 (1.0.0)
    package9998 (1.0.0)
    package9999 (1.0.0)
    package10000 (1.0.0)
    package10001 (1.0.0)
    package10002 (1.0.0)
    package10003 (1.0.0)
    package10004 (1.0.0)
    package10005 (1.0.0)
    package10006 (1.0.0)
    package10007 (1.0.0)
    package10008 (1.0.0)
    package10009 (1.0.0)
    package10010 (1.0.0)
    package10011 (1.0.0)
    package10012 (1.0.0)
    package10013 (1.0.0)
    package10014 (1.0.0)
    package10015 (1.0.0)
    package10016 (1.0.0)
    package10017 (1.0.0)
    package10018 (1.0.0)
    package10019 (1.0.0)
    package10020 (1.0.0)
    package10021 (1.0.0)
    package10022 (1.0.0)
    package10023 (1.0.0)
    package10024 (1.0.0)
    package10025 (1.0.0)
    package10026 (1.0.0)
    package10027 (1.0.0)
    package10028 (1.0.0)
    package10029 (1.0.0)
    package10030 (1.0.0)
    package10031 (1.0.0)
    package10032 (1.0.0)
    package10033 (1.0.0)
    package10034 (1.0.0)
    package10035 (1.0.0)
    package10036 (1.0.0)
    package10037 (1.0.0)
    package10038 (1.0.0)
    package10039 (1.0.0)
    package10040 (1.0.0)
    package10041 (1.0.0)
    package10042 (1.0.0)
    package10043 (1.0.0)
    package10044 (1.0.0)
    package10045 (1.0.0)
    package10046 (1.0.0)
    package10047 (1.0.0)
    package10048 (1.0.0)
    package10049 (1.0.0)
    package10050 (1.0.0)
    package10051 (1.0.0)
    package10052 (1.0.0)
    package10053 (1.0.0)
    package10054 (1.0.0)
    package10055 (1.0.0)
    package10056 (1.0.0)
    package10057 (1.0.0)
    package10058 (1.0.0)
    package10059 (1.0.0)
    package10060 (1.0.0)
    package10061 (1.0.0)
    package10062 (1.0.0)
    package10063 (1.0.0)
    package10064 (1.0.0)
    package10065 (1.0.0)
    package10066 (1.0.0)
    package10067 (1.0.0)
    package10068 (1.0.0)
    package10069 (1.0.0)
    package10070 (1.0.0)
    package10071 (1.0.0)
    package10072 (1.0.0)
    package10073 (1.0.0)
    package10074 (1.0.0)
    package10075 (1.0.0)
    package10076 (1.0.0)
    package10077 (1.0.0)
    package10078 (1.0.0)
    package10079 (1.0.0)
    package10080 (1.0.0)
    package10081 (1.0.0)
    package10082 (1.0.0)
    package10083 (1.0.0)
    package10084 (1.0.0)
    package10085 (1.0.0)
    package10086 (1.0.0)
    package10087 (1.0.0)
    package10088 (1.0.0)
    package10089 (1.0.0)
    package10090 (1.0.0)
    package10091 (1.0.0)
    package10092 (1.0.0)
    package10093 (1.0.0)
    package10094 (1.0.0)
    package10095 (1.0.0)
    package10096 (1.0.0)
    package10097 (1.0.0)
    package10098 (1.0.0)
    package10099 (1.0.0)
    package10100 (1.0.0)
    package10101 (1.0.0)
    package10102 (1.0.0)
    package10103 (1.0.0)
    package10104 (1.0.0)
    package10105 (1.0.0)
    package10106 (1.0.0)
    package10107 (1.0.0)
    package10108 (1.0.0)
    package10109 (1.0.0)
    package10110 (1.0.0)
    package10111 (1.0.0)
    package10112 (1.0.0)
    package10113 (1.0.0)
    package10114 (1.0.0)
    package10115 (1.0.0)
    package10116 (1.0.0)
    package10117 (1.0.0)
    package10118 (1.0.0)
    package10119 (1.0.0)
    package10120 (1.0.0)
    package10121 (1.0.0)
    package10122 (1.0.0)
    package10123 (1.0.0)
    package10124 (1.0.0)
    package10125 (1.0.0)
    package10126 (1.0.0)
    package10127 (1.0.0)
    package10128 (1.0.0)
    package10129 (1.0.0)
    package10130 (1.0.0)
    package10131 (1.0.0)
    package10132 (1.0.0)
    package10133 (1.0.0)
    package10134 (1.0.0)
    package10135 (1.0.0)
    package10136 (1.0.0)
    package10137 (1.0.0)
    package10138 (1.0.0)
    package10139 (1.0.0)
    package10140 (1.0.0)
    package10141 (1.0.0)
    package10142 (1.0.0)
    package10143 (1.0.0)
    package10144 (1.0.0)
    package10145 (1.0.0)
    package10146 (1.0.0)
    package10147 (1.0.0)
    package10148 (1.0.0)
    package10149 (1.0.0)
    package10150 (1.0.0)
    package10151 (1.0.0)
    package10152 (1.0.0)
    package10153 (1.0.0)
    package10154 (1.0.0)
    package10155 (1.0.0)
    package10156 (1.0.0)
    package10157 (1.0.0)
    package10158 (1.0.0)
    package10159 (1.0.0)
    package10160 (1.0.0)
    package10161 (1.0.0)
    package10162 (1.0.0)
    package10163 (1.0.0)
    package10164 (1.0.0)
    package10165 (1.0.0)
    package10166 (1.0.0)
    package10167 (1.0.0)
    package10168 (1.0.0)
    package10169 (1.0.0)
    package10170 (1.0.0)
    package10171 (1.0.0)
    package10172 (1.0.0)
    package10173 (1.0.0)
    package10174 (1.0.0)
    package10175 (1.0.0)
    package10176 (1.0.0)
    package10177 (1.0.0)
    package10178 (1.0.0)
    package10179 (1.0.0)
    package10180 (1.0.0)
    package10181 (1.0.0)
    package10182 (1.0.0)
    package10183 (1.0.0)
    package10184 (1.0.0)
    package10185 (1.0.0)
    package10186 (1.0.0)
    package10187 (1.0.0)
    package10188 (1.0.0)
    package10189 (1.0.0)
    package10190 (1.0.0)
    package10191 (1.0.0)
    package10192 (1.0.0)
    package10193 (1.0.0)
    package10194 (1.0.0)
    package10195 (1.0.0)
    package10196 (1.0.0)
    package10197 (1.0.0)
    package10198 (1.0.0)
    package10199 (1.0.0)
    package10200 (1.0.0)
    package10201 (1.0.0)
    package10202 (1.0.0)
    package10203 (1.0.0)
    package10204 (1.0.0)
    package10205 (1.0.0)
    package10206 (1.0.0)
    package10207 (1.0.0)
    package10208 (1.0.0)
    package10209 (1.0.0)
    package10210 (1.0.0)
    package10211 (1.0.0)
    package10212 (1.0.0)
    package10213 (1.0.0)
    package10214 (1.0.0)
    package10215 (1.0.0)
    package10216 (1.0.0)
    package10217 (1.0.0)
    package10218 (1.0.0)
    package10219 (1.0.0)
    package10220 (1.0.0)
    package10221 (1.0.0)
    package10222 (1.0.0)
    package10223 (1.0.0)
    package10224 (1.0.0)
    package10225 (1.0.0)
    package10226 (1.0.0)
    package10227 (1.0.0)
    package10228 (1.0.0)
    package10229 (1.0.0)
    package10230 (1.0.0)
    package10231 (1.0.0)
    package10232 (1.0.0)
    package10233 (1.0.0)
    package10234 (1.0.0)
    package10235 (1.0.0)
    package10236 (1.0.0)
    package10237 (1.0.0)
    package10238 (1.0.0)
    package10239 (1.0.0)
    package10240 (1.0.0)
    package10241 (1.0.0)
    package10242 (1.0.0)
    package10243 (1.0.0)
    package10244 (1.0.0)
    package10245 (1.0.0)
    package10246 (1.0.0)
    package10247 (1.0.0)
    package10248 (1.0.0)
    package10249 (1.0.0)
    package10250 (1.0.0)
    package10251 (1.0.0)
    package10252 (1.0.0)
    package10253 (1.0.0)
    package10254 (1.0.0)
    package10255 (1.0.0)
    package10256 (1.0.0)
    package10257 (1.0.0)
    package10258 (1.0.0)
    package10259 (1.0.0)
    package10260 (1.0.0)
    package10261 (1.0.0)
    package10262 (1.0.0)
    package10263 (1.0.0)
    package10264 (1.0.0)
    package10265 (1.0.0)
    package10266 (1.0.0)
    package10267 (1.0.0)
    package10268 (1.0.0)
    package10269 (1.0.0)
    package10270 (1.0.0)
    package10271 (1.0.0)
    package10272 (1.0.0)
    package10273 (1.0.0)
    package10274 (1.0.0)
    package10275 (1.0.0)
    package10276 (1.0.0)
    package10277 (1.0.0)
    package10278 (1.0.0)
    package10279 (1.0.0)
    package10280 (1.0.0)
    package10281 (1.0.0)
    package10282 (1.0.0)
    package10283 (1.0.0)
    package10284 (1.0.0)
    package10285 (1.0.0)
    package10286 (1.0.0)
    package10287 (1.0.0)
    package10288 (1.0.0)
    package10289 (1.0.0)
    package10290 (1.0.0)
    package10291 (1.0.0)
    package10292 (1.0.0)
    package10293 (1.0.0)
    package10294 (1.0.0)
    package10295 (1.0.0)
    package10296 (1.0.0)
    package10297 (1.0.0)
    package10298 (1.0.0)
    package10299 (1.0.0)
    package10300 (1.0.0)
    package10301 (1.0.0)
    package10302 (1.0.0)
    package10303 (1.0.0)
    package10304 (1.0.0)
    package10305 (1.0.0)
    package10306 (1.0.0)
    package10307 (1.0.0)
    package10308 (1.0.0)
    package10309 (1.0.0)
    package10310 (1.0.0)
    package10311 (1.0.0)
    package10312 (1.0.0)
    package10313 (1.0.0)
    package10314 (1.0.0)
    package10315 (1.0.0)
    package10316 (1.0.0)
    package10317 (1.0.0)
    package10318 (1.0.0)
    package10319 (1.0.0)
    package10320 (1.0.0)
    package10321 (1.0.0)
    package10322 (1.0.0)
    package10323 (1.0.0)
    package10324 (1.0.0)
    package10325 (1.0.0)
    package10326 (1.0.0)
    package10327 (1.0.0)
    package10328 (1.0.0)
    package10329 (1.0.0)
    package10330 (1.0.0)
    package10331 (1.0.0)
    package10332 (1.0.0)
    package10333 (1.0.0)
    package10334 (1.0.0)
    package10335 (1.0.0)
    package10336 (1.0.0)
    package10337 (1.0.0)
    package10338 (1.0.0)
    package10339 (1.0.0)
    package10340 (1.0.0)
    package10341 (1.0.0)
    package10342 (1.0.0)
    package10343 (1.0.0)
    package10344 (1.0.0)
    package10345 (1.0.0)
    package10346 (1.0.0)
    package10347 (1.0.0)
    package10348 (1.0.0)
    package10349 (1.0.0)
    package10350 (1.0.0)
    package10351 (1.0.0)
    package10352 (1.0.0)
    package10353 (1.0.0)
    package10354 (1.0.0)
    package10355 (1.0.0)
    package10356 (1.0.0)
    package10357 (1.0.0)
    package10358 (1.0.0)
    package10359 (1.0.0)
    package10360 (1.0.0)
    package10361 (1.0.0)
    package10362 (1.0.0)
    package10363 (1.0.0)
    package10364 (1.0.0)
    package10365 (1.0.0)
    package10366 (1.0.0)
    package10367 (1.0.0)
    package10368 (1.0.0)
    package10369 (1.0.0)
    package10370 (1.0.0)
    package10371 (1.0.0)
    package10372 (1.0.0)
    package10373 (1.0.0)
    package10374 (1.0.0)
    package10375 (1.0.0)
    package10376 (1.0.0)
    package10377 (1.0.0)
    package10378 (1.0.0)
    package10379 (1.0.0)
    package10380 (1.0.0)
    package10381 (1.0.0)
    package10382 (1.0.0)
    package10383 (1.0.0)
    package10384 (1.0.0)
    package10385 (1.0.0)
    package10386 (1.0.0)
    package10387 (1.0.0)
    package10388 (1.0.0)
    package10389 (1.0.0)
    package10390 (1.0.0)
    package10391 (1.0.0)
    package10392 (1.0.0)
    package10393 (1.0.0)
    package10394 (1.0.0)
    package10395 (1.0.0)
    package10396 (1.0.0)
    package10397 (1.0.0)
    package10398 (1.0.0)
    package10399 (1.0.0)
    package10400 (1.0.0)
    package10401 (1.0.0)
    package10402 (1.0.0)
    package10403 (1.0.0)
    package10404 (1.0.0)
    package10405 (1.0.0)
    package10406 (1.0.0)
    package10407 (1.0.0)
    package10408 (1.0.0)
    package10409 (1.0.0)
    package10410 (1.0.0)
    package10411 (1.0.0)
    package10412 (1.0.0)
    package10413 (1.0.0)
    package10414 (1.0.0)
    package10415 (1.0.0)
    package10416 (1.0.0)
    package10417 (1.0.0)
    package10418 (1.0.0)
    package10419 (1.0.0)
    package10420 (1.0.0)
    package10421 (1.0.0)
    package10422 (1.0.0)
    package10423 (1.0.0)
    package10424 (1.0.0)
    package10425 (1.0.0)
    package10426 (1.0.0)
    package10427 (1.0.0)
    package10428 (1.0.0)
    package10429 (1.0.0)
    package10430 (1.0.0)
    package10431 (1.0.0)
    package10432 (1.0.0)
    package10433 (1.0.0)
    package10434 (1.0.0)
    package10435 (1.0.0)
    package10436 (1.0.0)
    package10437 (1.0.0)
    package10438 (1.0.0)
    package10439 (1.0.0)
    package10440 (1.0.0)
    package10441 (1.0.0)
    package10442 (1.0.0)
    package10443 (1.0.0)
    package10444 (1.0.0)
    package10445 (1.0.0)
    package10446 (1.0.0)
    package10447 (1.0.0)
    package10448 (1.0.0)
    package10449 (1.0.0)
    package10450 (1.0.0)
    package10451 (1.0.0)
    package10452 (1.0.0)
    package10453 (1.0.0)
    package10454 (1.0.0)
    package10455 (1.0.0)
    package10456 (1.0.0)
    package10457 (1.0.0)
    package10458 (1.0.0)
    package10459 (1.0.0)
    package10460 (1.0.0)
    package10461 (1.0.0)
    package10462 (1.0.0)
    package10463 (1.0.0)
    package10464 (1.0.0)
    package10465 (1.0.0)
    package10466 (1.0.0)
    package10467 (1.0.0)
    package10468 (1.0.0)
    package10469 (1.0.0)
    package10470 (1.0.0)
    package10471 (1.0.0)
    package10472 (1.0.0)
    package10473 (1.0.0)
    package10474 (1.0.0)
    package10475 (1.0.0)
    package10476 (1.0.0)
    package10477 (1.0.0)
    package10478 (1.0.0)
    package10479 (1.0.0)
    package10480 (1.0.0)
    package10481 (1.0.0)
    package10482 (1.0.0)
    package10483 (1.0.0)
    package10484 (1.0.0)
    package10485 (1.0.0)
    package10486 (1.0.0)
    package10487 (1.0.0)
    package10488 (1.0.0)
    package10489 (1.0.0)
    package10490 (1.0.0)
    package10491 (1.0.0)
    package10492 (1.0.0)
    package10493 (1.0.0)
    package10494 (1.0.0)
    package10495 (1.0.0)
    package10496 (1.0.0)
    package10497 (1.0.0)
    package10498 (1.0.0)
    package10499 (1.0.0)
    package10500 (1.0.0)
    package10501 (1.0.0)
    package10502 (1.0.0)
    package10503 (1.0.0)
    package10504 (1.0.0)
    package10505 (1.0.0)
    package10506 (1.0.0)
    package10507 (1.0.0)
    package10508 (1.0.0)
    package10509 (1.0.0)
    package10510 (1.0.0)
    package10511 (1.0.0)
    package10512 (1.0.0)
    package10513 (1.0.0)
    package10514 (1.0.0)
    package10515 (1.0.0)
    package10516 (1.0.0)
    package10517 (1.0.0)
    package10518 (1.0.0)
    package10519 (1.0.0)
    package10520 (1.0.0)
    package10521 (1.0.0)
    package10522 (1.0.0)
    package10523 (1.0.0)
    package10524 (1.0.0)
    package10525 (1.0.0)
    package10526 (1.0.0)
    package10527 (1.0.0)
    package10528 (1.0.0)
    package10529 (1.0.0)
    package10530 (1.0.0)
    package10531 (1.0.0)
    package10532 (1.0.0)
    package10533 (1.0.0)
    package10534 (1.0.0)
    package10535 (1.0.0)
    package10536 (1.0.0)
    package10537 (1.0.0)
    package10538 (1.0.0)
    package10539 (1.0.0)
    package10540 (1.0.0)
    package10541 (1.0.0)
    package10542 (1.0.0)
    package10543 (1.0.0)
    package10544 (1.0.0)
    package10545 (1.0.0)
    package10546 (1.0.0)
    package10547 (1.0.0)
    package10548 (1.0.0)
    package10549 (1.0.0)
    package10550 (1.0.0)
    package10551 (1.0.0)
    package10552 (1.0.0)
    package10553 (1.0.0)
    package10554 (1.0.0)
    package10555 (1.0.0)
    package10556 (1.0.0)
    package10557 (1.0.0)
    package10558 (1.0.0)
    package10559 (1.0.0)
    package10560 (1.0.0)
    package10561 (1.0.0)
    package10562 (1.0.0)
    package10563 (1.0.0)
    package10564 (1.0.0)
    package10565 (1.0.0)
    package10566 (1.0.0)
    package10567 (1.0.0)
    package10568 (1.0.0)
    package10569 (1.0.0)
    package10570 (1.0.0)
    package10571 (1.0.0)
    package10572 (1.0.0)
    package10573 (1.0.0)
    package10574 (1.0.0)
    package10575 (1.0.0)
    package10576 (1.0.0)
    package10577 (1.0.0)
    package10578 (1.0.0)
    package10579 (1.0.0)
    package10580 (1.0.0)
    package10581 (1.0.0)
    package10582 (1.0.0)
    package10583 (1.0.0)
    package10584 (1.0.0)
    package10585 (1.0.0)
    package10586 (1.0.0)
    package10587 (1.0.0)
    package10588 (1.0.0)
    package10589 (1.0.0)
    package10590 (1.0.0)
    package10591 (1.0.0)
    package10592 (1.0.0)
    package10593 (1.0.0)
    package10594 (1.0.0)
    package10595 (1.0.0)
    package10596 (1.0.0)
    package10597 (1.0.0)
    package10598 (1.0.0)
    package10599 (1.0.0)
    package10600 (1.0.0)
    package10601 (1.0.0)
    package10602 (1.0.0)
    package10603 (1.0.0)
    package10604 (1.0.0)
    package10605 (1.0.0)
    package10606 (1.0.0)
    package10607 (1.0.0)
    package10608 (1.0.0)
    package10609 (1.0.0)
    package10610 (1.0.0)
    package10611 (1.0.0)
    package10612 (1.0.0)
    package10613 (1.0.0)
    package10614 (1.0.0)
    package10615 (1.0.0)
    package10616 (1.0.0)
    package10617 (1.0.0)
    package10618 (1.0.0)
    package10619 (1.0.0)
    package10620 (1.0.0)
    package10621 (1.0.0)
    package10622 (1.0.0)
    package10623 (1.0.0)
    package10624 (1.0.0)
    package10625 (1.0.0)
    package10626 (1.0.0)
    package10627 (1.0.0)
    package10628 (1.0.0)
    package10629 (1.0.0)
    package10630 (1.0.0)
    package10631 (1.0.0)
    package10632 (1.0.0)
    package10633 (1.0.0)
    package10634 (1.0.0)
    package10635 (1.0.0)
    package10636 (1.0.0)
    package10637 (1.0.0)
    package10638 (1.0.0)
    package10639 (1.0.0)
    package10640 (1.0.0)
    package10641 (1.0.0)
    package10642 (1.0.0)
    package10643 (1.0.0)
    package10644 (1.0.0)
    package10645 (1.0.0)
    package10646 (1.0.0)
    package10647 (1.0.0)
    package10648 (1.0.0)
    package10649 (1.0.0)
    package10650 (1.0.0)
    package10651 (1.0.0)
    package10652 (1.0.0)
    package10653 (1.0.0)
    package10654 (1.0.0)
    package10655 (1.0.0)
    package10656 (1.0.0)
    package10657 (1.0.0)
    package10658 (1.0.0)
    package10659 (1.0.0)
    package10660 (1.0.0)
    package10661 (1.0.0)
    package10662 (1.0.0)
    package10663 (1.0.0)
    package10664 (1.0.0)
    package10665 (1.0.0)
    package10666 (1.0.0)
    package10667 (1.0.0)
    package10668 (1.0.0)
    package10669 (1.0.0)
    package10670 (1.0.0)
    package10671 (1.0.0)
    package10672 (1.0.0)
    package10673 (1.0.0)
    package10674 (1.0.0)
    package10675 (1.0.0)
    package10676 (1.0.0)
    package10677 (1.0.0)
    package10678 (1.0.0)
    package10679 (1.0.0)
    package10680 (1.0.0)
    package10681 (1.0.0)
    package10682 (1.0.0)
    package10683 (1.0.0)
    package10684 (1.0.0)
    package10685 (1.0.0)
    package10686 (1.0.0)
    package10687 (1.0.0)
    package10688 (1.0.0)
    package10689 (1.0.0)
    package10690 (1.0.0)
    package10691 (1.0.0)
    package10692 (1.0.0)
    package10693 (1.0.0)
    package10694 (1.0.0)
    package10695 (1.0.0)
    package10696 (1.0.0)
    package10697 (1.0.0)
    package10698 (1.0.0)
    package10699 (1.0.0)
    package10700 (1.0.0)
    package10701 (1.0.0)
    package10702 (1.0.0)
    package10703 (1.0.0)
    package10704 (1.0.0)
    package10705 (1.0.0)
    package10706 (1.0.0)
    package10707 (1.0.0)
    package10708 (1.0.0)
    package10709 (1.0.0)
    package10710 (1.0.0)
    package10711 (1.0.0)
    package10712 (1.0.0)
    package10713 (1.0.0)
    package10714 (1.0.0)
    package10715 (1.0.0)
    package10716 (1.0.0)
    package10717 (1.0.0)
    package10718 (1.0.0)
    package10719 (1.0.0)
    package10720 (1.0.0)
    package10721 (1.0.0)
    package10722 (1.0.0)
    package10723 (1.0.0)
    package10724 (1.0.0)
    package10725 (1.0.0)
    package10726 (1.0.0)
    package10727 (1.0.0)
    package10728 (1.0.0)
    package10729 (1.0.0)
    package10730 (1.0.0)
    package10731 (1.0.0)
    package10732 (1.0.0)
    package10733 (1.0.0)
    package10734 (1.0.0)
    package10735 (1.0.0)
    package10736 (1.0.0)
    package10737 (1.0.0)
    package10738 (1.0.0)
    package10739 (1.0.0)
    package10740 (1.0.0)
    package10741 (1.0.0)
    package10742 (1.0.0)
    package10743 (1.0.0)
    package10744 (1.0.0)
    package10745 (1.0.0)
    package10746 (1.0.0)
    package10747 (1.0.0)
    package10748 (1.0.0)
    package10749 (1.0.0)
    package10750 (1.0.0)
    package10751 (1.0.0)
    package10752 (1.0.0)
    package10753 (1.0.0)
    package10754 (1.0.0)
    package10755 (1.0.0)
    package10756 (1.0.0)
    package10757 (1.0.0)
    package10758 (1.0.0)
    package10759 (1.0.0)
    package10760 (1.0.0)
    package10761 (1.0.0)
    package10762 (1.0.0)
    package10763 (1.0.0)
    package10764 (1.0.0)
    package10765 (1.0.0)
    package10766 (1.0.0)
    package10767 (1.0.0)
    package10768 (1.0.0)
    package10769 (1.0.0)
    package10770 (1.0.0)
    package10771 (1.0.0)
    package10772 (1.0.0)
    package10773 (1.0.0)
    package10774 (1.0.0)
    package10775 (1.0.0)
    package10776 (1.0.0)
    package10777 (1.0.0)
    package10778 (1.0.0)
    package10779 (1.0.0)
    package10780 (1.0.0)
    package10781 (1.0.0)
    package10782 (1.0.0)
    package10783 (1.0.0)
    package10784 (1.0.0)
    package10785 (1.0.0)
    package10786 (1.0.0)
    package10787 (1.0.0)
    package10788 (1.0.0)
    package10789 (1.0.0)
    package10790 (1.0.0)
    package10791 (1.0.0)
    package10792 (1.0.0)
    package10793 (1.0.0)
    package10794 (1.0.0)
    package10795 (1.0.0)
    package10796 (1.0.0)
    package10797 (1.0.0)
    package10798 (1.0.0)
    package10799 (1.0.0)
    package10800 (1.0.0)
    package10801 (1.0.0)
    package10802 (1.0.0)
    package10803 (1.0.0)
    package10804 (1.0.0)
    package10805 (1.0.0)
    package10806 (1.0.0)
    package10807 (1.0.0)
    package10808 (1.0.0)
    package10809 (1.0.0)
    package10810 (1.0.0)
    package10811 (1.0.0)
    package10812 (1.0.0)
    package10813 (1.0.0)
    package10814 (1.0.0)
    package10815 (1.0.0)
    package10816 (1.0.0)
    package10817 (1.0.0)
    package10818 (1.0.0)
    package10819 (1.0.0)
    package10820 (1.0.0)
    package10821 (1.0.0)
    package10822 (1.0.0)
    package10823 (1.0.0)
    package10824 (1.0.0)
    package10825 (1.0.0)
    package10826 (1.0.0)
    package10827 (1.0.0)
    package10828 (1.0.0)
    package10829 (1.0.0)
    package10830 (1.0.0)
    package10831 (1.0.0)
    package10832 (1.0.0)
    package10833 (1.0.0)
    package10834 (1.0.0)
    package10835 (1.0.0)
    package10836 (1.0.0)
    package10837 (1.0.0)
    package10838 (1.0.0)
    package10839 (1.0.0)
    package10840 (1.0.0)
    package10841 (1.0.0)
    package10842 (1.0.0)
    package10843 (1.0.0)
    package10844 (1.0.0)
    package10845 (1.0.0)
    package10846 (1.0.0)
    package10847 (1.0.0)
    package10848 (1.0.0)
    package10849 (1.0.0)
    package10850 (1.0.0)
    package10851 (1.0.0)
    package10852 (1.0.0)
    package10853 (1.0.0)
    package10854 (1.0.0)
    package10855 (1.0.0)
    package10856 (1.0.0)
    package10857 (1.0.0)
    package10858 (1.0.0)
    package10859 (1.0.0)
    package10860 (1.0.0)
    package10861 (1.0.0)
    package10862 (1.0.0)
    package10863 (1.0.0)
    package10864 (1.0.0)
    package10865 (1.0.0)
    package10866 (1.0.0)
    package10867 (1.0.0)
    package10868 (1.0.0)
    package10869 (1.0.0)
    package10870 (1.0.0)
    package10871 (1.0.0)
    package10872 (1.0.0)
    package10873 (1.0.0)
    package10874 (1.0.0)
    package10875 (1.0.0)
    package10876 (1.0.0)
    package10877 (1.0.0)
    package10878 (1.0.0)
    package10879 (1.0.0)
    package10880 (1.0.0)
    package10881 (1.0.0)
    package10882 (1.0.0)
    package10883 (1.0.0)
    package10884 (1.0.0)
    package10885 (1.0.0)
    package10886 (1.0.0)
    package10887 (1.0.0)
    package10888 (1.0.0)
    package10889 (1.0.0)
    package10890 (1.0.0)
    package10891 (1.0.0)
    package10892 (1.0.0)
    package10893 (1.0.0)
    package10894 (1.0.0)
    package10895 (1.0.0)
    package10896 (1.0.0)
    package10897 (1.0.0)
    package10898 (1.0.0)
    package10899 (1.0.0)
    package10900 (1.0.0)
    package10901 (1.0.0)
    package10902 (1.0.0)
    package10903 (1.0.0)
    package10904 (1.0.0)
    package10905 (1.0.0)
    package10906 (1.0.0)
    package10907 (1.0.0)
    package10908 (1.0.0)
    package10909 (1.0.0)
    package10910 (1.0.0)
    package10911 (1.0.0)
    package10912 (1.0.0)
    package10913 (1.0.0)
    package10914 (1.0.0)
    package10915 (1.0.0)
    package10916 (1.0.0)
    package10917 (1.0.0)
    package10918 (1.0.0)
    package10919 (1.0.0)
    package10920 (1.0.0)
    package10921 (1.0.0)
    package10922 (1.0.0)
    package10923 (1.0.0)
    package10924 (1.0.0)
    package10925 (1.0.0)
    package10926 (1.0.0)
    package10927 (1.0.0)
    package10928 (1.0.0)
    package10929 (1.0.0)
    package10930 (1.0.0)
    package10931 (1.0.0)
    package10932 (1.0.0)
    package10933 (1.0.0)
    package10934 (1.0.0)
    package10935 (1.0.0)
    package10936 (1.0.0)
    package10937 (1.0.0)
    package10938 (1.0.0)
    package10939 (1.0.0)
    package10940 (1.0.0)
    package10941 (1.0.0)
    package10942 (1.0.0)
    package10943 (1.0.0)
    package10944 (1.0.0)
    package10945 (1.0.0)
    package10946 (1.0.0)
    package10947 (1.0.0)
    package10948 (1.0.0)
    package10949 (1.0.0)
    package10950 (1.0.0)
    package10951 (1.0.0)
    package10952 (1.0.0)
    package10953 (1.0.0)
    package10954 (1.0.0)
    package10955 (1.0.0)
    package10956 (1.0.0)
    package10957 (1.0.0)
    package10958 (1.0.0)
    package10959 (1.0.0)
    package10960 (1.0.0)
    package10961 (1.0.0)
    package10962 (1.0.0)
    package10963 (1.0.0)
    package10964 (1.0.0)
    package10965 (1.0.0)
    package10966 (1.0.0)
    package10967 (1.0.0)
    package10968 (1.0.0)
    package10969 (1.0.0)
    package10970 (1.0.0)
    package10971 (1.0.0)
    package10972 (1.0.0)
    package10973 (1.0.0)
    package10974 (1.0.0)
    package10975 (1.0.0)
    package10976 (1.0.0)
    package10977 (1.0.0)
    package10978 (1.0.0)
    package10979 (1.0.0)
    package10980 (1.0.0)
    package10981 (1.0.0)
    package10982 (1.0.0)
    package10983 (1.0.0)
    package10984 (1.0.0)
    package10985 (1.0.0)
    package10986 (1.0.0)
    package10987 (1.0.0)
    package10988 (1.0.0)
    package10989 (1.0.0)
    package10990 (1.0.0)
    package10991 (1.0.0)
    package10992 (1.0.0)
    package10993 (1.0.0)
    package10994 (1.0.0)
    package10995 (1.0.0)
    package10996 (1.0.0)
    package10997 (1.0.0)
    package10998 (1.0.0)
    package10999 (1.0.0)
    package11000 (1.0.0)
    package11001 (1.0.0)
    package11002 (1.0.0)
    package11003 (1.0.0)
    package11004 (1.0.0)
    package11005 (1.0.0)
    package11006 (1.0.0)
    package11007 (1.0.0)
    package11008 (1.0.0)
    package11009 (1.0.0)
    package11010 (1.0.0)
    package11011 (1.0.0)
    package11012 (1.0.0)
    package11013 (1.0.0)
    package11014 (1.0.0)
    package11015 (1.0.0)
    package11016 (1.0.0)
    package11017 (1.0.0)
    package11018 (1.0.0)
    package11019 (1.0.0)
    package11020 (1.0.0)
    package11021 (1.0.0)
    package11022 (1.0.0)
    package11023 (1.0.0)
    package11024 (1.0.0)
    package11025 (1.0.0)
    package11026 (1.0.0)
    package11027 (1.0.0)
    package11028 (1.0.0)
    package11029 (1.0.0)
    package11030 (1.0.0)
    package11031 (1.0.0)
    package11032 (1.0.0)
    package11033 (1.0.0)
    package11034 (1.0.0)
    package11035 (1.0.0)
    package11036 (1.0.0)
    package11037 (1.0.0)
    package11038 (1.0.0)
    package11039 (1.0.0)
    package11040 (1.0.0)
    package11041 (1.0.0)
    package11042 (1.0.0)
    package11043 (1.0.0)
    package11044 (1.0.0)
    package11045 (1.0.0)
    package11046 (1.0.0)
    package11047 (1.0.0)
    package11048 (1.0.0)
    package11049 (1.0.0)
    package11050 (1.0.0)
    package11051 (1.0.0)
    package11052 (1.0.0)
    package11053 (1.0.0)
    package11054 (1.0.0)
    package11055 (1.0.0)
    package11056 (1.0.0)
    package11057 (1.0.0)
    package11058 (1.0.0)
    package11059 (1.0.0)
    package11060 (1.0.0)
    package11061 (1.0.0)
    package11062 (1.0.0)
    package11063 (1.0.0)
    package11064 (1.0.0)
    package11065 (1.0.0)
    package11066 (1.0.0)
    package11067 (1.0.0)
    package11068 (1.0.0)
    package11069 (1.0.0)
    package11070 (1.0.0)
    package11071 (1.0.0)
    package11072 (1.0.0)
    package11073 (1.0.0)
    package11074 (1.0.0)
    package11075 (1.0.0)
    package11076 (1.0.0)
    package11077 (1.0.0)
    package11078 (1.0.0)
    package11079 (1.0.0)
    package11080 (1.0.0)
    package11081 (1.0.0)
    package11082 (1.0.0)
    package11083 (1.0.0)
    package11084 (1.0.0)
    package11085 (1.0.0)
    package11086 (1.0.0)
    package11087 (1.0.0)
    package11088 (1.0.0)
    package11089 (1.0.0)
    package11090 (1.0.0)
    package11091 (1.0.0)
    package11092 (1.0.0)
    package11093 (1.0.0)
    package11094 (1.0.0)
    package11095 (1.0.0)
    package11096 (1.0.0)
    package11097 (1.0.0)
    package11098 (1.0.0)
    package11099 (1.0.0)
    package11100 (1.0.0)
    package11101 (1.0.0)
    package11102 (1.0.0)
    package11103 (1.0.0)
    package11104 (1.0.0)
    package11105 (1.0.0)
    package11106 (1.0.0)
    package11107 (1.0.0)
    package11108 (1.0.0)
    package11109 (1.0.0)
    package11110 (1.0.0)
    package11111 (1.0.0)
    package11112 (1.0.0)
    package11113 (1.0.0)
    package11114 (1.0.0)
    package11115 (1.0.0)
    package11116 (1.0.0)
    package11117 (1.0.0)
    package11118 (1.0.0)
    package11119 (1.0.0)
    package11120 (1.0.0)
    package11121 (1.0.0)
    package11122 (1.0.0)
    package11123 (1.0.0)
    package11124 (1.0.0)
    package11125 (1.0.0)
    package11126 (1.0.0)
    package11127 (1.0.0)
    package11128 (1.0.0)
    package11129 (1.0.0)
    package11130 (1.0.0)
    package11131 (1.0.0)
    package11132 (1.0.0)
    package11133 (1.0.0)
    package11134 (1.0.0)
    package11135 (1.0.0)
    package11136 (1.0.0)
    package11137 (1.0.0)
    package11138 (1.0.0)
    package11139 (1.0.0)
    package11140 (1.0.0)
    package11141 (1.0.0)
    package11142 (1.0.0)
    package11143 (1.0.0)
    package11144 (1.0.0)
    package11145 (1.0.0)
    package11146 (1.0.0)
    package11147 (1.0.0)
    package11148 (1.0.0)
    package11149 (1.0.0)
    package11150 (1.0.0)
    package11151 (1.0.0)
    package11152 (1.0.0)
    package11153 (1.0.0)
    package11154 (1.0.0)
    package11155 (1.0.0)
    package11156 (1.0.0)
    package11157 (1.0.0)
    package11158 (1.0.0)
    package11159 (1.0.0)
    package11160 (1.0.0)
    package11161 (1.0.0)
    package11162 (1.0.0)
    package11163 (1.0.0)
    package11164 (1.0.0)
    package11165 (1.0.0)
    package11166 (1.0.0)
    package11167 (1.0.0)
    package11168 (1.0.0)
    package11169 (1.0.0)
    package11170 (1.0.0)
    package11171 (1.0.0)
    package11172 (1.0.0)
    package11173 (1.0.0)
    package11174 (1.0.0)
    package11175 (1.0.0)
    package11176 (1.0.0)
    package11177 (1.0.0)
    package11178 (1.0.0)
    package11179 (1.0.0)
    package11180 (1.0.0)
    package11181 (1.0.0)
    package11182 (1.0.0)
    package11183 (1.0.0)
    package11184 (1.0.0)
    package11185 (1.0.0)
    package11186 (1.0.0)
    package11187 (1.0.0)
    package11188 (1.0.0)
    package11189 (1.0.0)
    package11190 (1.0.0)
    package11191 (1.0.0)
    package11192 (1.0.0)
    package11193 (1.0.0)
    package11194 (1.0.0)
    package11195 (1.0.0)
    package11196 (1.0.0)
    package11197 (1.0.0)
    package11198 (1.0.0)
    package11199 (1.0.0)
    package11200 (1.0.0)
    package11201 (1.0.0)
    package11202 (1.0.0)
    package11203 (1.0.0)
    package11204 (1.0.0)
    package11205 (1.0.0)
    package11206 (1.0.0)
    package11207 (1.0.0)
    package11208 (1.0.0)
    package11209 (1.0.0)
    package11210 (1.0.0)
    package11211 (1.0.0)
    package11212 (1.0.0)
    package11213 (1.0.0)
    package11214 (1.0.0)
    package11215 (1.0.0)
    package11216 (1.0.0)
    package11217 (1.0.0)
    package11218 (1.0.0)
    package11219 (1.0.0)
    package11220 (1.0.0)
    package11221 (1.0.0)
    package11222 (1.0.0)
    package11223 (1.0.0)
    package11224 (1.0.0)
    package11225 (1.0.0)
    package11226 (1.0.0)
    package11227 (1.0.0)
    package11228 (1.0.0)
    package11229 (1.0.0)
    package11230 (1.0.0)
    package11231 (1.0.0)
    package11232 (1.0.0)
    package11233 (1.0.0)
    package11234 (1.0.0)
    package11235 (1.0.0)
    package11236 (1.0.0)
    package11237 (1.0.0)
    package11238 (1.0.0)
    package11239 (1.0.0)
    package11240 (1.0.0)
    package11241 (1.0.0)
    package11242 (1.0.0)
    package11243 (1.0.0)
    package11244 (1.0.0)
    package11245 (1.0.0)
    package11246 (1.0.0)
    package11247 (1.0.0)
    package11248 (1.0.0)
    package11249 (1.0.0)
    package11250 (1.0.0)
    package11251 (1.0.0)
    package11252 (1.0.0)
    package11253 (1.0.0)
    package11254 (1.0.0)
    package11255 (1.0.0)
    package11256 (1.0.0)
    package11257 (1.0.0)
    package11258 (1.0.0)
    package11259 (1.0.0)
    package11260 (1.0.0)
    package11261 (1.0.0)
    package11262 (1.0.0)
    package11263 (1.0.0)
    package11264 (1.0.0)
    package11265 (1.0.0)
    package11266 (1.0.0)
    package11267 (1.0.0)
    package11268 (1.0.0)
    package11269 (1.0.0)
    package11270 (1.0.0)
    package11271 (1.0.0)
    package11272 (1.0.0)
    package11273 (1.0.0)
    package11274 (1.0.0)
    package11275 (1.0.0)
    package11276 (1.0.0)
    package11277 (1.0.0)
    package11278 (1.0.0)
    package11279 (1.0.0)
    package11280 (1.0.0)
    package11281 (1.0.0)
    package11282 (1.0.0)
    package11283 (1.0.0)
    package11284 (1.0.0)
    package11285 (1.0.0)
    package11286 (1.0.0)
    package11287 (1.0.0)
    package11288 (1.0.0)
    package11289 (1.0.0)
    package11290 (1.0.0)
    package11291 (1.0.0)
    package11292 (1.0.0)
    package11293 (1.0.0)
    package11294 (1.0.0)
    package11295 (1.0.0)
    package11296 (1.0.0)
    package11297 (1.0.0)
    package11298 (1.0.0)
    package11299 (1.0.0)
    package11300 (1.0.0)
    package11301 (1.0.0)
    package11302 (1.0.0)
    package11303 (1.0.0)
    package11304 (1.0.0)
    package11305 (1.0.0)
    package11306 (1.0.0)
    package11307 (1.0.0)
    package11308 (1.0.0)
    package11309 (1.0.0)
    package11310 (1.0.0)
    package11311 (1.0.0)
    package11312 (1.0.0)
    package11313 (1.0.0)
    package11314 (1.0.0)
    package11315 (1.0.0)
    package11316 (1.0.0)
    package11317 (1.0.0)
    package11318 (1.0.0)
    package11319 (1.0.0)
    package11320 (1.0.0)
    package11321 (1.0.0)
    package11322 (1.0.0)
    package11323 (1.0.0)
    package11324 (1.0.0)
    package11325 (1.0.0)
    package11326 (1.0.0)
    package11327 (1.0.0)
    package11328 (1.0.0)
    package11329 (1.0.0)
    package11330 (1.0.0)
    package11331 (1.0.0)
    package11332 (1.0.0)
    package11333 (1.0.0)
    package11334 (1.0.0)
    package11335 (1.0.0)
    package11336 (1.0.0)
    package11337 (1.0.0)
    package11338 (1.0.0)
    package11339 (1.0.0)
    package11340 (1.0.0)
    package11341 (1.0.0)
    package11342 (1.0.0)
    package11343 (1.0.0)
    package11344 (1.0.0)
    package11345 (1.0.0)
    package11346 (1.0.0)
    package11347 (1.0.0)
    package11348 (1.0.0)
    package11349 (1.0.0)
    package11350 (1.0.0)
    package11351 (1.0.0)
    package11352 (1.0.0)
    package11353 (1.0.0)
    package11354 (1.0.0)
    package11355 (1.0.0)
    package11356 (1.0.0)
    package11357 (1.0.0)
    package11358 (1.0.0)
    package11359 (1.0.0)
    package11360 (1.0.0)
    package11361 (1.0.0)
    package11362 (1.0.0)
    package11363 (1.0.0)
    package11364 (1.0.0)
    package11365 (1.0.0)
    package11366 (1.0.0)
    package11367 (1.0.0)
    package11368 (1.0.0)
    package11369 (1.0.0)
    package11370 (1.0.0)
    package11371 (1.0.0)
    package11372 (1.0.0)
    package11373 (1.0.0)
    package11374 (1.0.0)
    package11375 (1.0.0)
    package11376 (1.0.0)
    package11377 (1.0.0)
    package11378 (1.0.0)
    package11379 (1.0.0)
    package11380 (1.0.0)
    package11381 (1.0.0)
    package11382 (1.0.0)
    package11383 (1.0.0)
    package11384 (1.0.0)
    package11385 (1.0.0)
    package11386 (1.0.0)
    package11387 (1.0.0)
    package11388 (1.0.0)
    package11389 (1.0.0)
    package11390 (1.0.0)
    package11391 (1.0.0)
    package11392 (1.0.0)
    package11393 (1.0.0)
    package11394 (1.0.0)
    package11395 (1.0.0)
    package11396 (1.0.0)
    package11397 (1.0.0)
    package11398 (1.0.0)
    package11399 (1.0.0)
    package11400 (1.0.0)
    package11401 (1.0.0)
    package11402 (1.0.0)
    package11403 (1.0.0)
    package11404 (1.0.0)
    package11405 (1.0.0)
    package11406 (1.0.0)
    package11407 (1.0.0)
    package11408 (1.0.0)
    package11409 (1.0.0)
    package11410 (1.0.0)
    package11411 (1.0.0)
    package11412 (1.0.0)
    package11413 (1.0.0)
    package11414 (1.0.0)
    package11415 (1.0.0)
    package11416 (1.0.0)
    package11417 (1.0.0)
    package11418 (1.0.0)
    package11419 (1.0.0)
    package11420 (1.0.0)
    package11421 (1.0.0)
    package11422 (1.0.0)
    package11423 (1.0.0)
    package11424 (1.0.0)
    package11425 (1.0.0)
    package11426 (1.0.0)
    package11427 (1.0.0)
    package11428 (1.0.0)
    package11429 (1.0.0)
    package11430 (1.0.0)
    package11431 (1.0.0)
    package11432 (1.0.0)
    package11433 (1.0.0)
    package11434 (1.0.0)
    package11435 (1.0.0)
    package11436 (1.0.0)
    package11437 (1.0.0)
    package11438 (1.0.0)
    package11439 (1.0.0)
    package11440 (1.0.0)
    package11441 (1.0.0)
    package11442 (1.0.0)
    package11443 (1.0.0)
    package11444 (1.0.0)
    package11445 (1.0.0)
    package11446 (1.0.0)
    package11447 (1.0.0)
    package11448 (1.0.0)
    package11449 (1.0.0)
    package11450 (1.0.0)
    package11451 (1.0.0)
    package11452 (1.0.0)
    package11453 (1.0.0)
    package11454 (1.0.0)
    package11455 (1.0.0)
    package11456 (1.0.0)
    package11457 (1.0.0)
    package11458 (1.0.0)
    package11459 (1.0.0)
    package11460 (1.0.0)
    package11461 (1.0.0)
    package11462 (1.0.0)
    package11463 (1.0.0)
    package11464 (1.0.0)
    package11465 (1.0.0)
    package11466 (1.0.0)
    package11467 (1.0.0)
    package11468 (1.0.0)
    package11469 (1.0.0)
    package11470 (1.0.0)
    package11471 (1.0.0)
    package11472 (1.0.0)
    package11473 (1.0.0)
    package11474 (1.0.0)
    package11475 (1.0.0)
    package11476 (1.0.0)
    package11477 (1.0.0)
    package11478 (1.0.0)
    package11479 (1.0.0)
    package11480 (1.0.0)
    package11481 (1.0.0)
    package11482 (1.0.0)
    package11483 (1.0.0)
    package11484 (1.0.0)
    package11485 (1.0.0)
    package11486 (1.0.0)
    package11487 (1.0.0)
    package11488 (1.0.0)
    package11489 (1.0.0)
    package11490 (1.0.0)
    package11491 (1.0.0)
    package11492 (1.0.0)
    package11493 (1.0.0)
    package11494 (1.0.0)
    package11495 (1.0.0)
    package11496 (1.0.0)
    package11497 (1.0.0)
    package11498 (1.0.0)
    package11499 (1.0.0)
    package11500 (1.0.0)
    package11501 (1.0.0)
    package11502 (1.0.0)
    package11503 (1.0.0)
    package11504 (1.0.0)
    package11505 (1.0.0)
    package11506 (1.0.0)
    package11507 (1.0.0)
    package11508 (1.0.0)
    package11509 (1.0.0)
    package11510 (1.0.0)
    package11511 (1.0.0)
    package11512 (1.0.0)
    package11513 (1.0.0)
    package11514 (1.0.0)
    package11515 (1.0.0)
    package11516 (1.0.0)
    package11517 (1.0.0)
    package11518 (1.0.0)
    package11519 (1.0.0)
    package11520 (1.0.0)
    package11521 (1.0.0)
    package11522 (1.0.0)
    package11523 (1.0.0)
    package11524 (1.0.0)
    package11525 (1.0.0)
    package11526 (1.0.0)
    package11527 (1.0.0)
    package11528 (1.0.0)
    package11529 (1.0.0)
    package11530 (1.0.0)
    package11531 (1.0.0)
    package11532 (1.0.0)
    package11533 (1.0.0)
    package11534 (1.0.0)
    package11535 (1.0.0)
    package11536 (1.0.0)
    package11537 (1.0.0)
    package11538 (1.0.0)
    package11539 (1.0.0)
    package11540 (1.0.0)
    package11541 (1.0.0)
    package11542 (1.0.0)
    package11543 (1.0.0)
    package11544 (1.0.0)
    package11545 (1.0.0)
    package11546 (1.0.0)
    package11547 (1.0.0)
    package11548 (1.0.0)
    package11549 (1.0.0)
    package11550 (1.0.0)
    package11551 (1.0.0)
    package11552 (1.0.0)
    package11553 (1.0.0)
    package11554 (1.0.0)
    package11555 (1.0.0)
    package11556 (1.0.0)
    package11557 (1.0.0)
    package11558 (1.0.0)
    package11559 (1.0.0)
    package11560 (1.0.0)
    package11561 (1.0.0)
    package11562 (1.0.0)
    package11563 (1.0.0)
    package11564 (1.0.0)
    package11565 (1.0.0)
    package11566 (1.0.0)
    package11567 (1.0.0)
    package11568 (1.0.0)
    package11569 (1.0.0)
    package11570 (1.0.0)
    package11571 (1.0.0)
    package11572 (1.0.0)
    package11573 (1.0.0)
    package11574 (1.0.0)
    package11575 (1.0.0)
    package11576 (1.0.0)
    package11577 (1.0.0)
    package11578 (1.0.0)
    package11579 (1.0.0)
    package11580 (1.0.0)
    package11581 (1.0.0)
    package11582 (1.0.0)
    package11583 (1.0.0)
    package11584 (1.0.0)
    package11585 (1.0.0)
    package11586 (1.0.0)
    package11587 (1.0.0)
    package11588 (1.0.0)
    package11589 (1.0.0)
    package11590 (1.0.0)
    package11591 (1.0.0)
    package11592 (1.0.0)
    package11593 (1.0.0)
    package11594 (1.0.0)
    package11595 (1.0.0)
    package11596 (1.0.0)
    package11597 (1.0.0)
    package11598 (1.0.0)
    package11599 (1.0.0)
    package11600 (1.0.0)
    package11601 (1.0.0)
    package11602 (1.0.0)
    package11603 (1.0.0)
    package11604 (1.0.0)
    package11605 (1.0.0)
    package11606 (1.0.0)
    package11607 (1.0.0)
    package11608 (1.0.0)
    package11609 (1.0.0)
    package11610 (1.0.0)
    package11611 (1.0.0)
    package11612 (1.0.0)
    package11613 (1.0.0)
    package11614 (1.0.0)
    package11615 (1.0.0)
    package11616 (1.0.0)
    package11617 (1.0.0)
    package11618 (1.0.0)
    package11619 (1.0.0)
    package11620 (1.0.0)
    package11621 (1.0.0)
    package11622 (1.0.0)
    package11623 (1.0.0)
    package11624 (1.0.0)
    package11625 (1.0.0)
    package11626 (1.0.0)
    package11627 (1.0.0)
    package11628 (1.0.0)
    package11629 (1.0.0)
    package11630 (1.0.0)
    package11631 (1.0.0)
    package11632 (1.0.0)
    package11633 (1.0.0)
    package11634 (1.0.0)
    package11635 (1.0.0)
    package11636 (1.0.0)
    package11637 (1.0.0)
    package11638 (1.0.0)
    package11639 (1.0.0)
    package11640 (1.0.0)
    package11641 (1.0.0)
    package11642 (1.0.0)
    package11643 (1.0.0)
    package11644 (1.0.0)
    package11645 (1.0.0)
    package11646 (1.0.0)
    package11647 (1.0.0)
    package11648 (1.0.0)
    package11649 (1.0.0)
    package11650 (1.0.0)
    package11651 (1.0.0)
    package11652 (1.0.0)
    package11653 (1.0.0)
    package11654 (1.0.0)
    package11655 (1.0.0)
    package11656 (1.0.0)
    package11657 (1.0.0)
    package11658 (1.0.0)
    package11659 (1.0.0)
    package11660 (1.0.0)
    package11661 (1.0.0)
    package11662 (1.0.0)
    package11663 (1.0.0)
    package11664 (1.0.0)
    package11665 (1.0.0)
    package11666 (1.0.0)
    package11667 (1.0.0)
    package11668 (1.0.0)
    package11669 (1.0.0)
    package11670 (1.0.0)
    package11671 (1.0.0)
    package11672 (1.0.0)
    package11673 (1.0.0)
    package11674 (1.0.0)
    package11675 (1.0.0)
    package11676 (1.0.0)
    package11677 (1.0.0)
    package11678 (1.0.0)
    package11679 (1.0.0)
    package11680 (1.0.0)
    package11681 (1.0.0)
    package11682 (1.0.0)
    package11683 (1.0.0)
    package11684 (1.0.0)
    package11685 (1.0.0)
    package11686 (1.0.0)
    package11687 (1.0.0)
    package11688 (1.0.0)
    package11689 (1.0.0)
    package11690 (1.0.0)
    package11691 (1.0.0)
    package11692 (1.0.0)
    package11693 (1.0.0)
    package11694 (1.0.0)
    package11695 (1.0.0)
    package11696 (1.0.0)
    package11697 (1.0.0)
    package11698 (1.0.0)
    package11699 (1.0.0)
    package11700 (1.0.0)
    package11701 (1.0.0)
    package11702 (1.0.0)
    package11703 (1.0.0)
    package11704 (1.0.0)
    package11705 (1.0.0)
    package11706 (1.0.0)
    package11707 (1.0.0)
    package11708 (1.0.0)
    package11709 (1.0.0)
    package11710 (1.0.0)
    package11711 (1.0.0)
    package11712 (1.0.0)
    package11713 (1.0.0)
    package11714 (1.0.0)
    package11715 (1.0.0)
    package11716 (1.0.0)
    package11717 (1.0.0)
    package11718 (1.0.0)
    package11719 (1.0.0)
    package11720 (1.0.0)
    package11721 (1.0.0)
    package11722 (1.0.0)
    package11723 (1.0.0)
    package11724 (1.0.0)
    package11725 (1.0.0)
    package11726 (1.0.0)
    package11727 (1.0.0)
    package11728 (1.0.0)
    package11729 (1.0.0)
    package11730 (1.0.0)
    package11731 (1.0.0)
    package11732 (1.0.0)
    package11733 (1.0.0)
    package11734 (1.0.0)
    package11735 (1.0.0)
    package11736 (1.0.0)
    package11737 (1.0.0)
    package11738 (1.0.0)
    package11739 (1.0.0)
    package11740 (1.0.0)
    package11741 (1.0.0)
    package11742 (1.0.0)
    package11743 (1.0.0)
    package11744 (1.0.0)
    package11745 (1.0.0)
    package11746 (1.0.0)
    package11747 (1.0.0)
    package11748 (1.0.0)
    package11749 (1.0.0)
    package11750 (1.0.0)
    package11751 (1.0.0)
    package11752 (1.0.0)
    package11753 (1.0.0)
    package11754 (1.0.0)
    package11755 (1.0.0)
    package11756 (1.0.0)
    package11757 (1.0.0)
    package11758 (1.0.0)
    package11759 (1.0.0)
    package11760 (1.0.0)
    package11761 (1.0.0)
    package11762 (1.0.0)
    package11763 (1.0.0)
    package11764 (1.0.0)
    package11765 (1.0.0)
    package11766 (1.0.0)
    package11767 (1.0.0)
    package11768 (1.0.0)
    package11769 (1.0.0)
    package11770 (1.0.0)
    package11771 (1.0.0)
    package11772 (1.0.0)
    package11773 (1.0.0)
    package11774 (1.0.0)
    package11775 (1.0.0)
    package11776 (1.0.0)
    package11777 (1.0.0)
    package11778 (1.0.0)
    package11779 (1.0.0)
    package11780 (1.0.0)
    package11781 (1.0.0)
    package11782 (1.0.0)
    package11783 (1.0.0)
    package11784 (1.0.0)
    package11785 (1.0.0)
    package11786 (1.0.0)
    package11787 (1.0.0)
    package11788 (1.0.0)
    package11789 (1.0.0)
    package11790 (1.0.0)
    package11791 (1.0.0)
    package11792 (1.0.0)
    package11793 (1.0.0)
    package11794 (1.0.0)
    package11795 (1.0.0)
    package11796 (1.0.0)
    package11797 (1.0.0)
    package11798 (1.0.0)
    package11799 (1.0.0)
    package11800 (1.0.0)
    package11801 (1.0.0)
    package11802 (1.0.0)
    package11803 (1.0.0)
    package11804 (1.0.0)
    package11805 (1.0.0)
    package11806 (1.0.0)
    package11807 (1.0.0)
    package11808 (1.0.0)
    package11809 (1.0.0)
    package11810 (1.0.0)
    package11811 (1.0.0)
    package11812 (1.0.0)
    package11813 (1.0.0)
    package11814 (1.0.0)
    package11815 (1.0.0)
    package11816 (1.0.0)
    package11817 (1.0.0)
    package11818 (1.0.0)
    package11819 (1.0.0)
    package11820 (1.0.0)
    package11821 (1.0.0)
    package11822 (1.0.0)
    package11823 (1.0.0)
    package11824 (1.0.0)
    package11825 (1.0.0)
    package11826 (1.0.0)
    package11827 (1.0.0)
    package11828 (1.0.0)
    package11829 (1.0.0)
    package11830 (1.0.0)
    package11831 (1.0.0)
    package11832 (1.0.0)
    package11833 (1.0.0)
    package11834 (1.0.0)
    package11835 (1.0.0)
    package11836 (1.0.0)
    package11837 (1.0.0)
    package11838 (1.0.0)
    package11839 (1.0.0)
    package11840 (1.0.0)
    package11841 (1.0.0)
    package11842 (1.0.0)
    package11843 (1.0.0)
    package11844 (1.0.0)
    package11845 (1.0.0)
    package11846 (1.0.0)
    package11847 (1.0.0)
    package11848 (1.0.0)
    package11849 (1.0.0)
    package11850 (1.0.0)
    package11851 (1.0.0)
    package11852 (1.0.0)
    package11853 (1.0.0)
    package11854 (1.0.0)
    package11855 (1.0.0)
    package11856 (1.0.0)
    package11857 (1.0.0)
    package11858 (1.0.0)
    package11859 (1.0.0)
    package11860 (1.0.0)
    package11861 (1.0.0)
    package11862 (1.0.0)
    package11863 (1.0.0)
    package11864 (1.0.0)
    package11865 (1.0.0)
    package11866 (1.0.0)
    package11867 (1.0.0)
    package11868 (1.0.0)
    package11869 (1.0.0)
    package11870 (1.0.0)
    package11871 (1.0.0)
    package11872 (1.0.0)
    package11873 (1.0.0)
    package11874 (1.0.0)
    package11875 (1.0.0)
    package11876 (1.0.0)
    package11877 (1.0.0)
    package11878 (1.0.0)
    package11879 (1.0.0)
    package11880 (1.0.0)
    package11881 (1.0.0)
    package11882 (1.0.0)
    package11883 (1.0.0)
    package11884 (1.0.0)
    package11885 (1.0.0)
    package11886 (1.0.0)
    package11887 (1.0.0)
    package11888 (1.0.0)
    package11889 (1.0.0)
    package11890 (1.0.0)
    package11891 (1.0.0)
    package11892 (1.0.0)
    package11893 (1.0.0)
    package11894 (1.0.0)
    package11895 (1.0.0)
    package11896 (1.0.0)
    package11897 (1.0.0)
    package11898 (1.0.0)
    package11899 (1.0.0)
    package11900 (1.0.0)
    package11901 (1.0.0)
    package11902 (1.0.0)
    package11903 (1.0.0)
    package11904 (1.0.0)
    package11905 (1.0.0)
    package11906 (1.0.0)
    package11907 (1.0.0)
    package11908 (1.0.0)
    package11909 (1.0.0)
    package11910 (1.0.0)
    package11911 (1.0.0)
    package11912 (1.0.0)
    package11913 (1.0.0)
    package11914 (1.0.0)
    package11915 (1.0.0)
    package11916 (1.0.0)
    package11917 (1.0.0)
    package11918 (1.0.0)
    package11919 (1.0.0)
    package11920 (1.0.0)
    package11921 (1.0.0)
    package11922 (1.0.0)
    package11923 (1.0.0)
    package11924 (1.0.0)
    package11925 (1.0.0)
    package11926 (1.0.0)
    package11927 (1.0.0)
    package11928 (1.0.0)
    package11929 (1.0.0)
    package11930 (1.0.0)
    package11931 (1.0.0)
    package11932 (1.0.0)
    package11933 (1.0.0)
    package11934 (1.0.0)
    package11935 (1.0.0)
    package11936 (1.0.0)
    package11937 (1.0.0)
    package11938 (1.0.0)
    package11939 (1.0.0)
    package11940 (1.0.0)
    package11941 (1.0.0)
    package11942 (1.0.0)
    package11943 (1.0.0)
    package11944 (1.0.0)
    package11945 (1.0.0)
    package11946 (1.0.0)
    package11947 (1.0.0)
    package11948 (1.0.0)
    package11949 (1.0.0)
    package11950 (1.0.0)
    package11951 (1.0.0)
    package11952 (1.0.0)
    package11953 (1.0.0)
    package11954 (1.0.0)
    package11955 (1.0.0)
    package11956 (1.0.0)
    package11957 (1.0.0)
    package11958 (1.0.0)
    package11959 (1.0.0)
    package11960 (1.0.0)
    package11961 (1.0.0)
    package11962 (1.0.0)
    package11963 (1.0.0)
    package11964 (1.0.0)
    package11965 (1.0.0)
    package11966 (1.0.0)
    package11967 (1.0.0)
    package11968 (1.0.0)
    package11969 (1.0.0)
    package11970 (1.0.0)
    package11971 (1.0.0)
    package11972 (1.0.0)
    package11973 (1.0.0)
    package11974 (1.0.0)
    package11975 (1.0.0)
    package11976 (1.0.0)
    package11977 (1.0.0)
    package11978 (1.0.0)
    package11979 (1.0.0)
    package11980 (1.0.0)
    package11981 (1.0.0)
    package11982 (1.0.0)
    package11983 (1.0.0)
    package11984 (1.0.0)
    package11985 (1.0.0)
    package11986 (1.0.0)
    package11987 (1.0.0)
    package11988 (1.0.0)
    package11989 (1.0.0)
    package11990 (1.0.0)
    package11991 (1.0.0)
    package11992 (1.0.0)
    package11993 (1.0.0)
    package11994 (1.0.0)
    package11995 (1.0.0)
    package11996 (1.0.0)
    package11997 (1.0.0)
    package11998 (1.0.0)
    package11999 (1.0.0)
    package12000 (1.0.0)
    package12001 (1.0.0)
    package12002 (1.0.0)
    package12003 (1.0.0)
    package12004 (1.0.0)
    package12005 (1.0.0)
    package12006 (1.0.0)
    package12007 (1.0.0)
    package12008 (1.0.0)
    package12009 (1.0.0)
    package12010 (1.0.0)
    package12011 (1.0.0)
    package12012 (1.0.0)
    package12013 (1.0.0)
    package12014 (1.0.0)
    package12015 (1.0.0)
    package12016 (1.0.0)
    package12017 (1.0.0)
    package12018 (1.0.0)
    package12019 (1.0.0)
    package12020 (1.0.0)
    package12021 (1.0.0)
    package12022 (1.0.0)
    package12023 (1.0.0)
    package12024 (1.0.0)
    package12025 (1.0.0)
    package12026 (1.0.0)
    package12027 (1.0.0)
    package12028 (1.0.0)
    package12029 (1.0.0)
    package12030 (1.0.0)
    package12031 (1.0.0)
    package12032 (1.0.0)
    package12033 (1.0.0)
    package12034 (1.0.0)
    package12035 (1.0.0)
    package12036 (1.0.0)
    package12037 (1.0.0)
    package12038 (1.0.0)
    package12039 (1.0.0)
    package12040 (1.0.0)
    package12041 (1.0.0)
    package12042 (1.0.0)
    package12043 (1.0.0)
    package12044 (1.0.0)
    package12045 (1.0.0)
    package12046 (1.0.0)
    package12047 (1.0.0)
    package12048 (1.0.0)
    package12049 (1.0.0)
    package12050 (1.0.0)
    package12051 (1.0.0)
    package12052 (1.0.0)
    package12053 (1.0.0)
    package12054 (1.0.0)
    package12055 (1.0.0)
    package12056 (1.0.0)
    package12057 (1.0.0)
    package12058 (1.0.0)
    package12059 (1.0.0)
    package12060 (1.0.0)
    package12061 (1.0.0)
    package12062 (1.0.0)
    package12063 (1.0.0)
    package12064 (1.0.0)
    package12065 (1.0.0)
    package12066 (1.0.0)
    package12067 (1.0.0)
    package12068 (1.0.0)
    package12069 (1.0.0)
    package12070 (1.0.0)
    package12071 (1.0.0)
    package12072 (1.0.0)
    package12073 (1.0.0)
    package12074 (1.0.0)
    package12075 (1.0.0)
    package12076 (1.0.0)
    package12077 (1.0.0)
    package12078 (1.0.0)
    package12079 (1.0.0)
    package12080 (1.0.0)
    package12081 (1.0.0)
    package12082 (1.0.0)
    package12083 (1.0.0)
    package12084 (1.0.0)
    package12085 (1.0.0)
    package12086 (1.0.0)
    package12087 (1.0.0)
    package12088 (1.0.0)
    package12089 (1.0.0)
    package12090 (1.0.0)
    package12091 (1.0.0)
    package12092 (1.0.0)
    package12093 (1.0.0)
    package12094 (1.0.0)
    package12095 (1.0.0)
    package12096 (1.0.0)
    package12097 (1.0.0)
    package12098 (1.0.0)
    package12099 (1.0.0)
    package12100 (1.0.0)
    package12101 (1.0.0)
    package12102 (1.0.0)
    package12103 (1.0.0)
    package12104 (1.0.0)
    package12105 (1.0.0)
    package12106 (1.0.0)
    package12107 (1.0.0)
    package12108 (1.0.0)
    package12109 (1.0.0)
    package12110 (1.0.0)
    package12111 (1.0.0)
    package12112 (1.0.0)
    package12113 (1.0.0)
    package12114 (1.0.0)
    package12115 (1.0.0)
    package12116 (1.0.0)
    package12117 (1.0.0)
    package12118 (1.0.0)
    package12119 (1.0.0)
    package12120 (1.0.0)
    package12121 (1.0.0)
    package12122 (1.0.0)
    package12123 (1.0.0)
    package12124 (1.0.0)
    package12125 (1.0.0)
    package12126 (1.0.0)
    package12127 (1.0.0)
    package12128 (1.0.0)
    package12129 (1.0.0)
    package12130 (1.0.0)
    package12131 (1.0.0)
    package12132 (1.0.0)
    package12133 (1.0.0)
    package12134 (1.0.0)
    package12135 (1.0.0)
    package12136 (1.0.0)
    package12137 (1.0.0)
    package12138 (1.0.0)
    package12139 (1.0.0)
    package12140 (1.0.0)
    package12141 (1.0.0)
    package12142 (1.0.0)
    package12143 (1.0.0)
    package12144 (1.0.0)
    package12145 (1.0.0)
    package12146 (1.0.0)
    package12147 (1.0.0)
    package12148 (1.0.0)
    package12149 (1.0.0)
    package12150 (1.0.0)
    package12151 (1.0.0)
    package12152 (1.0.0)
    package12153 (1.0.0)
    package12154 (1.0.0)
    package12155 (1.0.0)
    package12156 (1.0.0)
    package12157 (1.0.0)
    package12158 (1.0.0)
    package12159 (1.0.0)
    package12160 (1.0.0)
    package12161 (1.0.0)
    package12162 (1.0.0)
    package12163 (1.0.0)
    package12164 (1.0.0)
    package12165 (1.0.0)
    package12166 (1.0.0)
    package12167 (1.0.0)
    package12168 (1.0.0)
    package12169 (1.0.0)
    package12170 (1.0.0)
    package12171 (1.0.0)
    package12172 (1.0.0)
    package12173 (1.0.0)
    package12174 (1.0.0)
    package12175 (1.0.0)
    package12176 (1.0.0)
    package12177 (1.0.0)
    package12178 (1.0.0)
    package12179 (1.0.0)
    package12180 (1.0.0)
    package12181 (1.0.0)
    package12182 (1.0.0)
    package12183 (1.0.0)
    package12184 (1.0.0)
    package12185 (1.0.0)
    package12186 (1.0.0)
    package12187 (1.0.0)
    package12188 (1.0.0)
    package12189 (1.0.0)
    package12190 (1.0.0)
    package12191 (1.0.0)
    package12192 (1.0.0)
    package12193 (1.0.0)
    package12194 (1.0.0)
    package12195 (1.0.0)
    package12196 (1.0.0)
    package12197 (1.0.0)
    package12198 (1.0.0)
    package12199 (1.0.0)
    package12200 (1.0.0)
    package12201 (1.0.0)
    package12202 (1.0.0)
    package12203 (1.0.0)
    package12204 (1.0.0)
    package12205 (1.0.0)
    package12206 (1.0.0)
    package12207 (1.0.0)
    package12208 (1.0.0)
    package12209 (1.0.0)
    package12210 (1.0.0)
    package12211 (1.0.0)
    package12212 (1.0.0)
    package12213 (1.0.0)
    package12214 (1.0.0)
    package12215 (1.0.0)
    package12216 (1.0.0)
    package12217 (1.0.0)
    package12218 (1.0.0)
    package12219 (1.0.0)
    package12220 (1.0.0)
    package12221 (1.0.0)
    package12222 (1.0.0)
    package12223 (1.0.0)
    package12224 (1.0.0)
    package12225 (1.0.0)
    package12226 (1.0.0)
    package12227 (1.0.0)
    package12228 (1.0.0)
    package12229 (1.0.0)
    package12230 (1.0.0)
    package12231 (1.0.0)
    package12232 (1.0.0)
    package12233 (1.0.0)
    package12234 (1.0.0)
    package12235 (1.0.0)
    package12236 (1.0.0)
    package12237 (1.0.0)
    package12238 (1.0.0)
    package12239 (1.0.0)
    package12240 (1.0.0)
    package12241 (1.0.0)
    package12242 (1.0.0)
    package12243 (1.0.0)
    package12244 (1.0.0)
    package12245 (1.0.0)
    package12246 (1.0.0)
    package12247 (1.0.0)
    package12248 (1.0.0)
    package12249 (1.0.0)
    package12250 (1.0.0)
    package12251 (1.0.0)
    package12252 (1.0.0)
    package12253 (1.0.0)
    package12254 (1.0.0)
    package12255 (1.0.0)
    package12256 (1.0.0)
    package12257 (1.0.0)
    package12258 (1.0.0)
    package12259 (1.0.0)
    package12260 (1.0.0)
    package12261 (1.0.0)
    package12262 (1.0.0)
    package12263 (1.0.0)
    package12264 (1.0.0)
    package12265 (1.0.0)
    package12266 (1.0.0)
    package12267 (1.0.0)
    package12268 (1.0.0)
    package12269 (1.0.0)
    package12270 (1.0.0)
    package12271 (1.0.0)
    package12272 (1.0.0)
    package12273 (1.0.0)
    package12274 (1.0.0)
    package12275 (1.0.0)
    package12276 (1.0.0)
    package12277 (1.0.0)
    package12278 (1.0.0)
    package12279 (1.0.0)
    package12280 (1.0.0)
    package12281 (1.0.0)
    package12282 (1.0.0)
    package12283 (1.0.0)
    package12284 (1.0.0)
    package12285 (1.0.0)
    package12286 (1.0.0)
    package12287 (1.0.0)
    package12288 (1.0.0)
    package12289 (1.0.0)
    package12290 (1.0.0)
    package12291 (1.0.0)
    package12292 (1.0.0)
    package12293 (1.0.0)
    package12294 (1.0.0)
    package12295 (1.0.0)
    package12296 (1.0.0)
    package12297 (1.0.0)
    package12298 (1.0.0)
    package12299 (1.0.0)
    package12300 (1.0.0)
    package12301 (1.0.0)
    package12302 (1.0.0)
    package12303 (1.0.0)
    package12304 (1.0.0)
    package12305 (1.0.0)
    package12306 (1.0.0)
    package12307 (1.0.0)
    package12308 (1.0.0)
    package12309 (1.0.0)
    package12310 (1.0.0)
    package12311 (1.0.0)
    package12312 (1.0.0)
    package12313 (1.0.0)
    package12314 (1.0.0)
    package12315 (1.0.0)
    package12316 (1.0.0)
    package12317 (1.0.0)
    package12318 (1.0.0)
    package12319 (1.0.0)
    package12320 (1.0.0)
    package12321 (1.0.0)
    package12322 (1.0.0)
    package12323 (1.0.0)
    package12324 (1.0.0)
    package12325 (1.0.0)
    package12326 (1.0.0)
    package12327 (1.0.0)
    package12328 (1.0.0)
    package12329 (1.0.0)
    package12330 (1.0.0)
    package12331 (1.0.0)
    package12332 (1.0.0)
    package12333 (1.0.0)
    package12334 (1.0.0)
    package12335 (1.0.0)
    package12336 (1.0.0)
    package12337 (1.0.0)
    package12338 (1.0.0)
    package12339 (1.0.0)
    package12340 (1.0.0)
    package12341 (1.0.0)
    package12342 (1.0.0)
    package12343 (1.0.0)
    package12344 (1.0.0)
    package12345 (1.0.0)
    package12346 (1.0.0)
    package12347 (1.0.0)
    package12348 (1.0.0)
    package12349 (1.0.0)
    package12350 (1.0.0)
    package12351 (1.0.0)
    package12352 (1.0.0)
    package12353 (1.0.0)
    package12354 (1.0.0)
    package12355 (1.0.0)
    package12356 (1.0.0)
    package12357 (1.0.0)
    package12358 (1.0.0)
    package12359 (1.0.0)
    package12360 (1.0.0)
    package12361 (1.0.0)
    package12362 (1.0.0)
    package12363 (1.0.0)
    package12364 (1.0.0)
    package12365 (1.0.0)
    package12366 (1.0.0)
    package12367 (1.0.0)
    package12368 (1.0.0)
    package12369 (1.0.0)
    package12370 (1.0.0)
    package12371 (1.0.0)
    package12372 (1.0.0)
    package12373 (1.0.0)
    package12374 (1.0.0)
    package12375 (1.0.0)
    package12376 (1.0.0)
    package12377 (1.0.0)
    package12378 (1.0.0)
    package12379 (1.0.0)
    package12380 (1.0.0)
    package12381 (1.0.0)
    package12382 (1.0.0)
    package12383 (1.0.0)
    package12384 (1.0.0)
    package12385 (1.0.0)
    package12386 (1.0.0)
    package12387 (1.0.0)
    package12388 (1.0.0)
    package12389 (1.0.0)
    package12390 (1.0.0)
    package12391 (1.0.0)
    package12392 (1.0.0)
    package12393 (1.0.0)
    package12394 (1.0.0)
    package12395 (1.0.0)
    package12396 (1.0.0)
    package12397 (1.0.0)
    package12398 (1.0.0)
    package12399 (1.0.0)
    package12400 (1.0.0)
    package12401 (1.0.0)
    package12402 (1.0.0)
    package12403 (1.0.0)
    package12404 (1.0.0)
    package12405 (1.0.0)
    package12406 (1.0.0)
    package12407 (1.0.0)
    package12408 (1.0.0)
    package12409 (1.0.0)
    package12410 (1.0.0)
    package12411 (1.0.0)
    package12412 (1.0.0)
    package12413 (1.0.0)
    package12414 (1.0.0)
    package12415 (1.0.0)
    package12416 (1.0.0)
    package12417 (1.0.0)
    package12418 (1.0.0)
    package12419 (1.0.0)
    package12420 (1.0.0)
    package12421 (1.0.0)
    package12422 (1.0.0)
    package12423 (1.0.0)
    package12424 (1.0.0)
    package12425 (1.0.0)
    package12426 (1.0.0)
    package12427 (1.0.0)
    package12428 (1.0.0)
    package12429 (1.0.0)
    package12430 (1.0.0)
    package12431 (1.0.0)
    package12432 (1.0.0)
    package12433 (1.0.0)
    package12434 (1.0.0)
    package12435 (1.0.0)
    package12436 (1.0.0)
    package12437 (1.0.0)
    package12438 (1.0.0)
    package12439 (1.0.0)
    package12440 (1.0.0)
    package12441 (1.0.0)
    package12442 (1.0.0)
    package12443 (1.0.0)
    package12444 (1.0.0)
    package12445 (1.0.0)
    package12446 (1.0.0)
    package12447 (1.0.0)
    package12448 (1.0.0)
    package12449 (1.0.0)
    package12450 (1.0.0)
    package12451 (1.0.0)
    package12452 (1.0.0)
    package12453 (1.0.0)
    package12454 (1.0.0)
    package12455 (1.0.0)
    package12456 (1.0.0)
    package12457 (1.0.0)
    package12458 (1.0.0)
    package12459 (1.0.0)
    package12460 (1.0.0)
    package12461 (1.0.0)
    package12462 (1.0.0)
    package12463 (1.0.0)
    package12464 (1.0.0)
    package12465 (1.0.0)
    package12466 (1.0.0)
    package12467 (1.0.0)
    package12468 (1.0.0)
    package12469 (1.0.0)
    package12470 (1.0.0)
    package12471 (1.0.0)
    package12472 (1.0.0)
    package12473 (1.0.0)
    package12474 (1.0.0)
    package12475 (1.0.0)
    package12476 (1.0.0)
    package12477 (1.0.0)
    package12478 (1.0.0)
    package12479 (1.0.0)
    package12480 (1.0.0)
    package12481 (1.0.0)
    package12482 (1.0.0)
    package12483 (1.0.0)
    package12484 (1.0.0)
    package12485 (1.0.0)
    package12486 (1.0.0)
    package12487 (1.0.0)
    package12488 (1.0.0)
    package12489 (1.0.0)
    package12490 (1.0.0)
    package12491 (1.0.0)
    package12492 (1.0.0)
    package12493 (1.0.0)
    package12494 (1.0.0)
    package12495 (1.0.0)
    package12496 (1.0.0)
    package12497 (1.0.0)
    package12498 (1.0.0)
    package12499 (1.0.0)
    package12500 (1.0.0)
    package12501 (1.0.0)
    package12502 (1.0.0)
    package12503 (1.0.0)
    package12504 (1.0.0)
    package12505 (1.0.0)
    package12506 (1.0.0)
    package12507 (1.0.0)
    package12508 (1.0.0)
    package12509 (1.0.0)
    package12510 (1.0.0)
    package12511 (1.0.0)
    package12512 (1.0.0)
    package12513 (1.0.0)
    package12514 (1.0.0)
    package12515 (1.0.0)
    package12516 (1.0.0)
    package12517 (1.0.0)
    package12518 (1.0.0)
    package12519 (1.0.0)
    package12520 (1.0.0)
    package12521 (1.0.0)
    package12522 (1.0.0)
    package12523 (1.0.0)
    package12524 (1.0.0)
    package12525 (1.0.0)
    package12526 (1.0.0)
    package12527 (1.0.0)
    package12528 (1.0.0)
    package12529 (1.0.0)
    package12530 (1.0.0)
    package12531 (1.0.0)
    package12532 (1.0.0)
    package12533 (1.0.0)
    package12534 (1.0.0)
    package12535 (1.0.0)
    package12536 (1.0.0)
    package12537 (1.0.0)
    package12538 (1.0.0)
    package12539 (1.0.0)
    package12540 (1.0.0)
    package12541 (1.0.0)
    package12542 (1.0.0)
    package12543 (1.0.0)
    package12544 (1.0.0)
    package12545 (1.0.0)
    package12546 (1.0.0)
    package12547 (1.0.0)
    package12548 (1.0.0)
    package12549 (1.0.0)
    package12550 (1.0.0)
    package12551 (1.0.0)
    package12552 (1.0.0)
    package12553 (1.0.0)
    package12554 (1.0.0)
    package12555 (1.0.0)
    package12556 (1.0.0)
    package12557 (1.0.0)
    package12558 (1.0.0)
    package12559 (1.0.0)
    package12560 (1.0.0)
    package12561 (1.0.0)
    package12562 (1.0.0)
    package12563 (1.0.0)
    package12564 (1.0.0)
    package12565 (1.0.0)
    package12566 (1.0.0)
    package12567 (1.0.0)
    package12568 (1.0.0)
    package12569 (1.0.0)
    package12570 (1.0.0)
    package12571 (1.0.0)
    package12572 (1.0.0)
    package12573 (1.0.0)
    package12574 (1.0.0)
    package12575 (1.0.0)
    package12576 (1.0.0)
    package12577 (1.0.0)
    package12578 (1.0.0)
    package12579 (1.0.0)
    package12580 (1.0.0)
    package12581 (1.0.0)
    package12582 (1.0.0)
    package12583 (1.0.0)
    package12584 (1.0.0)
    package12585 (1.0.0)
    package12586 (1.0.0)
    package12587 (1.0.0)
    package12588 (1.0.0)
    package12589 (1.0.0)
    package12590 (1.0.0)
    package12591 (1.0.0)
    package12592 (1.0.0)
    package12593 (1.0.0)
    package12594 (1.0.0)
    package12595 (1.0.0)
    package12596 (1.0.0)
    package12597 (1.0.0)
    package12598 (1.0.0)
    package12599 (1.0.0)
    package12600 (1.0.0)
    package12601 (1.0.0)
    package12602 (1.0.0)
    package12603 (1.0.0)
    package12604 (1.0.0)
    package12605 (1.0.0)
    package12606 (1.0.0)
    package12607 (1.0.0)
    package12608 (1.0.0)
    package12609 (1.0.0)
    package12610 (1.0.0)
    package12611 (1.0.0)
    package12612 (1.0.0)
    package12613 (1.0.0)
    package12614 (1.0.0)
    package12615 (1.0.0)
    package12616 (1.0.0)
    package12617 (1.0.0)
    package12618 (1.0.0)
    package12619 (1.0.0)
    package12620 (1.0.0)
    package12621 (1.0.0)
    package12622 (1.0.0)
    package12623 (1.0.0)
    package12624 (1.0.0)
    package12625 (1.0.0)
    package12626 (1.0.0)
    package12627 (1.0.0)
    package12628 (1.0.0)
    package12629 (1.0.0)
    package12630 (1.0.0)
    package12631 (1.0.0)
    package12632 (1.0.0)
    package12633 (1.0.0)
    package12634 (1.0.0)
    package12635 (1.0.0)
    package12636 (1.0.0)
    package12637 (1.0.0)
    package12638 (1.0.0)
    package12639 (1.0.0)
    package12640 (1.0.0)
    package12641 (1.0.0)
    package12642 (1.0.0)
    package12643 (1.0.0)
    package12644 (1.0.0)
    package12645 (1.0.0)
    package12646 (1.0.0)
    package12647 (1.0.0)
    package12648 (1.0.0)
    package12649 (1.0.0)
    package12650 (1.0.0)
    package12651 (1.0.0)
    package12652 (1.0.0)
    package12653 (1.0.0)
    package12654 (1.0.0)
    package12655 (1.0.0)
    package12656 (1.0.0)
    package12657 (1.0.0)
    package12658 (1.0.0)
    package12659 (1.0.0)
    package12660 (1.0.0)
    package12661 (1.0.0)
    package12662 (1.0.0)
    package12663 (1.0.0)
    package12664 (1.0.0)
    package12665 (1.0.0)
    package12666 (1.0.0)
    package12667 (1.0.0)
    package12668 (1.0.0)
    package12669 (1.0.0)
    package12670 (1.0.0)
    package12671 (1.0.0)
    package12672 (1.0.0)
    package12673 (1.0.0)
    package12674 (1.0.0)
    package12675 (1.0.0)
    package12676 (1.0.0)
    package12677 (1.0.0)
    package12678 (1.0.0)
    package12679 (1.0.0)
    package12680 (1.0.0)
    package12681 (1.0.0)
    package12682 (1.0.0)
    package12683 (1.0.0)
    package12684 (1.0.0)
    package12685 (1.0.0)
    package12686 (1.0.0)
    package12687 (1.0.0)
    package12688 (1.0.0)
    package12689 (1.0.0)
    package12690 (1.0.0)
    package12691 (1.0.0)
    package12692 (1.0.0)
    package12693 (1.0.0)
    package12694 (1.0.0)
    package12695 (1.0.0)
    package12696 (1.0.0)
    package12697 (1.0.0)
    package12698 (1.0.0)
    package12699 (1.0.0)
    package12700 (1.0.0)
    package12701 (1.0.0)
    package12702 (1.0.0)
    package12703 (1.0.0)
    package12704 (1.0.0)
    package12705 (1.0.0)
    package12706 (1.0.0)
    package12707 (1.0.0)
    package12708 (1.0.0)
    package12709 (1.0.0)
    package12710 (1.0.0)
    package12711 (1.0.0)
    package12712 (1.0.0)
    package12713 (1.0.0)
    package12714 (1.0.0)
    package12715 (1.0.0)
    package12716 (1.0.0)
    package12717 (1.0.0)
    package12718 (1.0.0)
    package12719 (1.0.0)
    package12720 (1.0.0)
    package12721 (1.0.0)
    package12722 (1.0.0)
    package12723 (1.0.0)
    package12724 (1.0.0)
    package12725 (1.0.0)
    package12726 (1.0.0)
    package12727 (1.0.0)
    package12728 (1.0.0)
    package12729 (1.0.0)
    package12730 (1.0.0)
    package12731 (1.0.0)
    package12732 (1.0.0)
    package12733 (1.0.0)
    package12734 (1.0.0)
    package12735 (1.0.0)
    package12736 (1.0.0)
    package12737 (1.0.0)
    package12738 (1.0.0)
    package12739 (1.0.0)
    package12740 (1.0.0)
    package12741 (1.0.0)
    package12742 (1.0.0)
    package12743 (1.0.0)
    package12744 (1.0.0)
    package12745 (1.0.0)
    package12746 (1.0.0)
    package12747 (1.0.0)
    package12748 (1.0.0)
    package12749 (1.0.0)
    package12750 (1.0.0)
    package12751 (1.0.0)
    package12752 (1.0.0)
    package12753 (1.0.0)
    package12754 (1.0.0)
    package12755 (1.0.0)
    package12756 (1.0.0)
    package12757 (1.0.0)
    package12758 (1.0.0)
    package12759 (1.0.0)
    package12760 (1.0.0)
    package12761 (1.0.0)
    package12762 (1.0.0)
    package12763 (1.0.0)
    package12764 (1.0.0)
    package12765 (1.0.0)
    package12766 (1.0.0)
    package12767 (1.0.0)
    package12768 (1.0.0)
    package12769 (1.0.0)
    package12770 (1.0.0)
    package12771 (1.0.0)
    package12772 (1.0.0)
    package12773 (1.0.0)
    package12774 (1.0.0)
    package12775 (1.0.0)
    package12776 (1.0.0)
    package12777 (1.0.0)
    package12778 (1.0.0)
    package12779 (1.0.0)
    package12780 (1.0.0)
    package12781 (1.0.0)
    package12782 (1.0.0)
    package12783 (1.0.0)
    package12784 (1.0.0)
    package12785 (1.0.0)
    package12786 (1.0.0)
    package12787 (1.0.0)
    package12788 (1.0.0)
    package12789 (1.0.0)
    package12790 (1.0.0)
    package12791 (1.0.0)
    package12792 (1.0.0)
    package12793 (1.0.0)
    package12794 (1.0.0)
    package12795 (1.0.0)
    package12796 (1.0.0)
    package12797 (1.0.0)
    package12798 (1.0.0)
    package12799 (1.0.0)
    package12800 (1.0.0)
    package12801 (1.0.0)
    package12802 (1.0.0)
    package12803 (1.0.0)
    package12804 (1.0.0)
    package12805 (1.0.0)
    package12806 (1.0.0)
    package12807 (1.0.0)
    package12808 (1.0.0)
    package12809 (1.0.0)
    package12810 (1.0.0)
    package12811 (1.0.0)
    package12812 (1.0.0)
    package12813 (1.0.0)
    package12814 (1.0.0)
    package12815 (1.0.0)
    package12816 (1.0.0)
    package12817 (1.0.0)
    package12818 (1.0.0)
    package12819 (1.0.0)
    package12820 (1.0.0)
    package12821 (1.0.0)
    package12822 (1.0.0)
    package12823 (1.0.0)
    package12824 (1.0.0)
    package12825 (1.0.0)
    package12826 (1.0.0)
    package12827 (1.0.0)
    package12828 (1.0.0)
    package12829 (1.0.0)
    package12830 (1.0.0)
    package12831 (1.0.0)
    package12832 (1.0.0)
    package12833 (1.0.0)
    package12834 (1.0.0)
    package12835 (1.0.0)
    package12836 (1.0.0)
    package12837 (1.0.0)
    package12838 (1.0.0)
    package12839 (1.0.0)
    package12840 (1.0.0)
    package12841 (1.0.0)
    package12842 (1.0.0)
    package12843 (1.0.0)
    package12844 (1.0.0)
    package12845 (1.0.0)
    package12846 (1.0.0)
    package12847 (1.0.0)
    package12848 (1.0.0)
    package12849 (1.0.0)
    package12850 (1.0.0)
    package12851 (1.0.0)
    package12852 (1.0.0)
    package12853 (1.0.0)
    package12854 (1.0.0)
    package12855 (1.0.0)
    package12856 (1.0.0)
    package12857 (1.0.0)
    package12858 (1.0.0)
    package12859 (1.0.0)
    package12860 (1.0.0)
    package12861 (1.0.0)
    package12862 (1.0.0)
    package12863 (1.0.0)
    package12864 (1.0.0)
    package12865 (1.0.0)
    package12866 (1.0.0)
    package12867 (1.0.0)
    package12868 (1.0.0)
    package12869 (1.0.0)
    package12870 (1.0.0)
    package12871 (1.0.0)
    package12872 (1.0.0)
    package12873 (1.0.0)
    package12874 (1.0.0)
    package12875 (1.0.0)
    package12876 (1.0.0)
    package12877 (1.0.0)
    package12878 (1.0.0)
    package12879 (1.0.0)
    package12880 (1.0.0)
    package12881 (1.0.0)
    package12882 (1.0.0)
    package12883 (1.0.0)
    package12884 (1.0.0)
    package12885 (1.0.0)
    package12886 (1.0.0)
    package12887 (1.0.0)
    package12888 (1.0.0)
    package12889 (1.0.0)
    package12890 (1.0.0)
    package12891 (1.0.0)
    package12892 (1.0.0)
    package12893 (1.0.0)
    package12894 (1.0.0)
    package12895 (1.0.0)
    package12896 (1.0.0)
    package12897 (1.0.0)
    package12898 (1.0.0)
    package12899 (1.0.0)
    package12900 (1.0.0)
    package12901 (1.0.0)
    package12902 (1.0.0)
    package12903 (1.0.0)
    package12904 (1.0.0)
    package12905 (1.0.0)
    package12906 (1.0.0)
    package12907 (1.0.0)
    package12908 (1.0.0)
    package12909 (1.0.0)
    package12910 (1.0.0)
    package12911 (1.0.0)
    package12912 (1.0.0)
    package12913 (1.0.0)
    package12914 (1.0.0)
    package12915 (1.0.0)
    package12916 (1.0.0)
    package12917 (1.0.0)
    package12918 (1.0.0)
    package12919 (1.0.0)
    package12920 (1.0.0)
    package12921 (1.0.0)
    package12922 (1.0.0)
    package12923 (1.0.0)
    package12924 (1.0.0)
    package12925 (1.0.0)
    package12926 (1.0.0)
    package12927 (1.0.0)
    package12928 (1.0.0)
    package12929 (1.0.0)
    package12930 (1.0.0)
    package12931 (1.0.0)
    package12932 (1.0.0)
    package12933 (1.0.0)
    package12934 (1.0.0)
    package12935 (1.0.0)
    package12936 (1.0.0)
    package12937 (1.0.0)
    package12938 (1.0.0)
    package12939 (1.0.0)
    package12940 (1.0.0)
    package12941 (1.0.0)
    package12942 (1.0.0)
    package12943 (1.0.0)
    package12944 (1.0.0)
    package12945 (1.0.0)
    package12946 (1.0.0)
    package12947 (1.0.0)
    package12948 (1.0.0)
    package12949 (1.0.0)
    package12950 (1.0.0)
    package12951 (1.0.0)
    package12952 (1.0.0)
    package12953 (1.0.0)
    package12954 (1.0.0)
    package12955 (1.0.0)
    package12956 (1.0.0)
    package12957 (1.0.0)
    package12958 (1.0.0)
    package12959 (1.0.0)
    package12960 (1.0.0)
    package12961 (1.0.0)
    package12962 (1.0.0)
    package12963 (1.0.0)
    package12964 (1.0.0)
    package12965 (1.0.0)
    package12966 (1.0.0)
    package12967 (1.0.0)
    package12968 (1.0.0)
    package12969 (1.0.0)
    package12970 (1.0.0)
    package12971 (1.0.0)
    package12972 (1.0.0)
    package12973 (1.0.0)
    package12974 (1.0.0)
    package12975 (1.0.0)
    package12976 (1.0.0)
    package12977 (1.0.0)
    package12978 (1.0.0)
    package12979 (1.0.0)
    package12980 (1.0.0)
    package12981 (1.0.0)
    package12982 (1.0.0)
    package12983 (1.0.0)
    package12984 (1.0.0)
    package12985 (1.0.0)
    package12986 (1.0.0)
    package12987 (1.0.0)
    package12988 (1.0.0)
    package12989 (1.0.0)
    package12990 (1.0.0)
    package12991 (1.0.0)
    package12992 (1.0.0)
    package12993 (1.0.0)
    package12994 (1.0.0)
    package12995 (1.0.0)
    package12996 (1.0.0)
    package12997 (1.0.0)
    package12998 (1.0.0)
    package12999 (1.0.0)
    package13000 (1.0.0)
    package13001 (1.0.0)
    package13002 (1.0.0)
    package13003 (1.0.0)
    package13004 (1.0.0)
    package13005 (1.0.0)
    package13006 (1.0.0)
    package13007 (1.0.0)
    package13008 (1.0.0)
    package13009 (1.0.0)
    package13010 (1.0.0)
    package13011 (1.0.0)
    package13012 (1.0.0)
    package13013 (1.0.0)
    package13014 (1.0.0)
    package13015 (1.0.0)
    package13016 (1.0.0)
    package13017 (1.0.0)
    package13018 (1.0.0)
    package13019 (1.0.0)
    package13020 (1.0.0)
    package13021 (1.0.0)
    package13022 (1.0.0)
    package13023 (1.0.0)
    package13024 (1.0.0)
    package13025 (1.0.0)
    package13026 (1.0.0)
    package13027 (1.0.0)
    package13028 (1.0.0)
    package13029 (1.0.0)
    package13030 (1.0.0)
    package13031 (1.0.0)
    package13032 (1.0.0)
    package13033 (1.0.0)
    package13034 (1.0.0)
    package13035 (1.0.0)
    package13036 (1.0.0)
    package13037 (1.0.0)
    package13038 (1.0.0)
    package13039 (1.0.0)
    package13040 (1.0.0)
    package13041 (1.0.0)
    package13042 (1.0.0)
    package13043 (1.0.0)
    package13044 (1.0.0)
    package13045 (1.0.0)
    package13046 (1.0.0)
    package13047 (1.0.0)
    package13048 (1.0.0)
    package13049 (1.0.0)
    package13050 (1.0.0)
    package13051 (1.0.0)
    package13052 (1.0.0)
    package13053 (1.0.0)
    package13054 (1.0.0)
    package13055 (1.0.0)
    package13056 (1.0.0)
    package13057 (1.0.0)
    package13058 (1.0.0)
    package13059 (1.0.0)
    package13060 (1.0.0)
    package13061 (1.0.0)
    package13062 (1.0.0)
    package13063 (1.0.0)
    package13064 (1.0.0)
    package13065 (1.0.0)
    package13066 (1.0.0)
    package13067 (1.0.0)
    package13068 (1.0.0)
    package13069 (1.0.0)
    package13070 (1.0.0)
    package13071 (1.0.0)
    package13072 (1.0.0)
    package13073 (1.0.0)
    package13074 (1.0.0)
    package13075 (1.0.0)
    package13076 (1.0.0)
    package13077 (1.0.0)
    package13078 (1.0.0)
    package13079 (1.0.0)
    package13080 (1.0.0)
    package13081 (1.0.0)
    package13082 (1.0.0)
    package13083 (1.0.0)
    package13084 (1.0.0)
    package13085 (1.0.0)
    package13086 (1.0.0)
    package13087 (1.0.0)
    package13088 (1.0.0)
    package13089 (1.0.0)
    package13090 (1.0.0)
    package13091 (1.0.0)
    package13092 (1.0.0)
    package13093 (1.0.0)
    package13094 (1.0.0)
    package13095 (1.0.0)
    package13096 (1.0.0)
    package13097 (1.0.0)
    package13098 (1.0.0)
    package13099 (1.0.0)
    package13100 (1.0.0)
    package13101 (1.0.0)
    package13102 (1.0.0)
    package13103 (1.0.0)
    package13104 (1.0.0)
    package13105 (1.0.0)
    package13106 (1.0.0)
    package13107 (1.0.0)
    package13108 (1.0.0)
    package13109 (1.0.0)
    package13110 (1.0.0)
    package13111 (1.0.0)
    package13112 (1.0.0)
    package13113 (1.0.0)
    package13114 (1.0.0)
    package13115 (1.0.0)
    package13116 (1.0.0)
    package13117 (1.0.0)
    package13118 (1.0.0)
    package13119 (1.0.0)
    package13120 (1.0.0)
    package13121 (1.0.0)
    package13122 (1.0.0)
    package13123 (1.0.0)
    package13124 (1.0.0)
    package13125 (1.0.0)
    package13126 (1.0.0)
    package13127 (1.0.0)
    package13128 (1.0.0)
    package13129 (1.0.0)
    package13130 (1.0.0)
    package13131 (1.0.0)
    package13132 (1.0.0)
    package13133 (1.0.0)
    package13134 (1.0.0)
    package13135 (1.0.0)
    package13136 (1.0.0)
    package13137 (1.0.0)
    package13138 (1.0.0)
    package13139 (1.0.0)
    package13140 (1.0.0)
    package13141 (1.0.0)
    package13142 (1.0.0)
    package13143 (1.0.0)
    package13144 (1.0.0)
    package13145 (1.0.0)
    package13146 (1.0.0)
    package13147 (1.0.0)
    package13148 (1.0.0)
    package13149 (1.0.0)
    package13150 (1.0.0)
    package13151 (1.0.0)
    package13152 (1.0.0)
    package13153 (1.0.0)
    package13154 (1.0.0)
    package13155 (1.0.0)
    package13156 (1.0.0)
    package13157 (1.0.0)
    package13158 (1.0.0)
    package13159 (1.0.0)
    package13160 (1.0.0)
    package13161 (1.0.0)
    package13162 (1.0.0)
    package13163 (1.0.0)
    package13164 (1.0.0)
    package13165 (1.0.0)
    package13166 (1.0.0)
    package13167 (1.0.0)
    package13168 (1.0.0)
    package13169 (1.0.0)
    package13170 (1.0.0)
    package13171 (1.0.0)
    package13172 (1.0.0)
    package13173 (1.0.0)
    package13174 (1.0.0)
    package13175 (1.0.0)
    package13176 (1.0.0)
    package13177 (1.0.0)
    package13178 (1.0.0)
    package13179 (1.0.0)
    package13180 (1.0.0)
    package13181 (1.0.0)
    package13182 (1.0.0)
    package13183 (1.0.0)
    package13184 (1.0.0)
    package13185 (1.0.0)
    package13186 (1.0.0)
    package13187 (1.0.0)
    package13188 (1.0.0)
    package13189 (1.0.0)
    package13190 (1.0.0)
    package13191 (1.0.0)
    package13192 (1.0.0)
    package13193 (1.0.0)
    package13194 (1.0.0)
    package13195 (1.0.0)
    package13196 (1.0.0)
    package13197 (1.0.0)
    package13198 (1.0.0)
    package13199 (1.0.0)
    package13200 (1.0.0)
    package13201 (1.0.0)
    package13202 (1.0.0)
    package13203 (1.0.0)
    package13204 (1.0.0)
    package13205 (1.0.0)
    package13206 (1.0.0)
    package13207 (1.0.0)
    package13208 (1.0.0)
    package13209 (1.0.0)
    package13210 (1.0.0)
    package13211 (1.0.0)
    package13212 (1.0.0)
    package13213 (1.0.0)
    package13214 (1.0.0)
    package13215 (1.0.0)
    package13216 (1.0.0)
    package13217 (1.0.0)
    package13218 (1.0.0)
    package13219 (1.0.0)
    package13220 (1.0.0)
    package13221 (1.0.0)
    package13222 (1.0.0)
    package13223 (1.0.0)
    package13224 (1.0.0)
    package13225 (1.0.0)
    package13226 (1.0.0)
    package13227 (1.0.0)
    package13228 (1.0.0)
    package13229 (1.0.0)
    package13230 (1.0.0)
    package13231 (1.0.0)
    package13232 (1.0.0)
    package13233 (1.0.0)
    package13234 (1.0.0)
    package13235 (1.0.0)
    package13236 (1.0.0)
    package13237 (1.0.0)
    package13238 (1.0.0)
    package13239 (1.0.0)
    package13240 (1.0.0)
    package13241 (1.0.0)
    package13242 (1.0.0)
    package13243 (1.0.0)
    package13244 (1.0.0)
    package13245 (1.0.0)
    package13246 (1.0.0)
    package13247 (1.0.0)
    package13248 (1.0.0)
    package13249 (1.0.0)
    package13250 (1.0.0)
    package13251 (1.0.0)
    package13252 (1.0.0)
    package13253 (1.0.0)
    package13254 (1.0.0)
    package13255 (1.0.0)
    package13256 (1.0.0)
    package13257 (1.0.0)
    package13258 (1.0.0)
    package13259 (1.0.0)
    package13260 (1.0.0)
    package13261 (1.0.0)
    package13262 (1.0.0)
    package13263 (1.0.0)
    package13264 (1.0.0)
    package13265 (1.0.0)
    package13266 (1.0.0)
    package13267 (1.0.0)
    package13268 (1.0.0)
    package13269 (1.0.0)
    package13270 (1.0.0)
    package13271 (1.0.0)
    package13272 (1.0.0)
    package13273 (1.0.0)
    package13274 (1.0.0)
    package13275 (1.0.0)
    package13276 (1.0.0)
    package13277 (1.0.0)
    package13278 (1.0.0)
    package13279 (1.0.0)
    package13280 (1.0.0)
    package13281 (1.0.0)
    package13282 (1.0.0)
    package13283 (1.0.0)
    package13284 (1.0.0)
    package13285 (1.0.0)
    package13286 (1.0.0)
    package13287 (1.0.0)
    package13288 (1.0.0)
    package13289 (1.0.0)
    package13290 (1.0.0)
    package13291 (1.0.0)
    package13292 (1.0.0)
    package13293 (1.0.0)
    package13294 (1.0.0)
    package13295 (1.0.0)
    package13296 (1.0.0)
    package13297 (1.0.0)
    package13298 (1.0.0)
    package13299 (1.0.0)
    package13300 (1.0.0)
    package13301 (1.0.0)
    package13302 (1.0.0)
    package13303 (1.0.0)
    package13304 (1.0.0)
    package13305 (1.0.0)
    package13306 (1.0.0)
    package13307 (1.0.0)
    package13308 (1.0.0)
    package13309 (1.0.0)
    package13310 (1.0.0)
    package13311 (1.0.0)
    package13312 (1.0.0)
    package13313 (1.0.0)
    package13314 (1.0.0)
    package13315 (1.0.0)
    package13316 (1.0.0)
    package13317 (1.0.0)
    package13318 (1.0.0)
    package13319 (1.0.0)
    package13320 (1.0.0)
    package13321 (1.0.0)
    package13322 (1.0.0)
    package13323 (1.0.0)
    package13324 (1.0.0)
    package13325 (1.0.0)
    package13326 (1.0.0)
    package13327 (1.0.0)
    package13328 (1.0.0)
    package13329 (1.0.0)
    package13330 (1.0.0)
    package13331 (1.0.0)
    package13332 (1.0.0)
    package13333 (1.0.0)
    package13334 (1.0.0)
    package13335 (1.0.0)
    package13336 (1.0.0)
    package13337 (1.0.0)
    package13338 (1.0.0)
    package13339 (1.0.0)
    package13340 (1.0.0)
    package13341 (1.0.0)
    package13342 (1.0.0)
    package13343 (1.0.0)
    package13344 (1.0.0)
    package13345 (1.0.0)
    package13346 (1.0.0)
    package13347 (1.0.0)
    package13348 (1.0.0)
    package13349 (1.0.0)
    package13350 (1.0.0)
    package13351 (1.0.0)
    package13352 (1.0.0)
    package13353 (1.0.0)
    package13354 (1.0.0)
    package13355 (1.0.0)
    package13356 (1.0.0)
    package13357 (1.0.0)
    package13358 (1.0.0)
    package13359 (1.0.0)
    package13360 (1.0.0)
    package13361 (1.0.0)
    package13362 (1.0.0)
    package13363 (1.0.0)
    package13364 (1.0.0)
    package13365 (1.0.0)
    package13366 (1.0.0)
    package13367 (1.0.0)
    package13368 (1.0.0)
    package13369 (1.0.0)
    package13370 (1.0.0)
    package13371 (1.0.0)
    package13372 (1.0.0)
    package13373 (1.0.0)
    package13374 (1.0.0)
    package13375 (1.0.0)
    package13376 (1.0.0)
    package13377 (1.0.0)
    package13378 (1.0.0)
    package13379 (1.0.0)
    package13380 (1.0.0)
    package13381 (1.0.0)
    package13382 (1.0.0)
    package13383 (1.0.0)
    package13384 (1.0.0)
    package13385 (1.0.0)
    package13386 (1.0.0)
    package13387 (1.0.0)
    package13388 (1.0.0)
    package13389 (1.0.0)
    package13390 (1.0.0)
    package13391 (1.0.0)
    package13392 (1.0.0)
    package13393 (1.0.0)
    package13394 (1.0.0)
    package13395 (1.0.0)
    package13396 (1.0.0)
    package13397 (1.0.0)
    package13398 (1.0.0)
    package13399 (1.0.0)
    package13400 (1.0.0)
    package13401 (1.0.0)
    package13402 (1.0.0)
    package13403 (1.0.0)
    package13404 (1.0.0)
    package13405 (1.0.0)
    package13406 (1.0.0)
    package13407 (1.0.0)
    package13408 (1.0.0)
    package13409 (1.0.0)
    package13410 (1.0.0)
    package13411 (1.0.0)
    package13412 (1.0.0)
    package13413 (1.0.0)
    package13414 (1.0.0)
    package13415 (1.0.0)
    package13416 (1.0.0)
    package13417 (1.0.0)
    package13418 (1.0.0)
    package13419 (1.0.0)
    package13420 (1.0.0)
    package13421 (1.0.0)
    package13422 (1.0.0)
    package13423 (1.0.0)
    package13424 (1.0.0)
    package13425 (1.0.0)
    package13426 (1.0.0)
    package13427 (1.0.0)
    package13428 (1.0.0)
    package13429 (1.0.0)
    package13430 (1.0.0)
    package13431 (1.0.0)
    package13432 (1.0.0)
    package13433 (1.0.0)
    package13434 (1.0.0)
    package13435 (1.0.0)
    package13436 (1.0.0)
    package13437 (1.0.0)
    package13438 (1.0.0)
    package13439 (1.0.0)
    package13440 (1.0.0)
    package13441 (1.0.0)
    package13442 (1.0.0)
    package13443 (1.0.0)
    package13444 (1.0.0)
    package13445 (1.0.0)
    package13446 (1.0.0)
    package13447 (1.0.0)
    package13448 (1.0.0)
    package13449 (1.0.0)
    package13450 (1.0.0)
    package13451 (1.0.0)
    package13452 (1.0.0)
    package13453 (1.0.0)
    package13454 (1.0.0)
    package13455 (1.0.0)
    package13456 (1.0.0)
    package13457 (1.0.0)
    package13458 (1.0.0)
    package13459 (1.0.0)
    package13460 (1.0.0)
    package13461 (1.0.0)
    package13462 (1.0.0)
    package13463 (1.0.0)
    package13464 (1.0.0)
    package13465 (1.0.0)
    package13466 (1.0.0)
    package13467 (1.0.0)
    package13468 (1.0.0)
    package13469 (1.0.0)
    package13470 (1.0.0)
    package13471 (1.0.0)
    package13472 (1.0.0)
    package13473 (1.0.0)
    package13474 (1.0.0)
    package13475 (1.0.0)
    package13476 (1.0.0)
    package13477 (1.0.0)
    package13478 (1.0.0)
    package13479 (1.0.0)
    package13480 (1.0.0)
    package13481 (1.0.0)
    package13482 (1.0.0)
    package13483 (1.0.0)
    package13484 (1.0.0)
    package13485 (1.0.0)
    package13486 (1.0.0)
    package13487 (1.0.0)
    package13488 (1.0.0)
    package13489 (1.0.0)
    package13490 (1.0.0)
    package13491 (1.0.0)
    package13492 (1.0.0)
    package13493 (1.0.0)
    package13494 (1.0.0)
    package13495 (1.0.0)
    package13496 (1.0.0)
    package13497 (1.0.0)
    package13498 (1.0.0)
    package13499 (1.0.0)
    package13500 (1.0.0)
    package13501 (1.0.0)
    package13502 (1.0.0)
    package13503 (1.0.0)
    package13504 (1.0.0)
    package13505 (1.0.0)
    package13506 (1.0.0)
    package13507 (1.0.0)
    package13508 (1.0.0)
    package13509 (1.0.0)
    package13510 (1.0.0)
    package13511 (1.0.0)
    package13512 (1.0.0)
    package13513 (1.0.0)
    package13514 (1.0.0)
    package13515 (1.0.0)
    package13516 (1.0.0)
    package13517 (1.0.0)
    package13518 (1.0.0)
    package13519 (1.0.0)
    package13520 (1.0.0)
    package13521 (1.0.0)
    package13522 (1.0.0)
    package13523 (1.0.0)
    package13524 (1.0.0)
    package13525 (1.0.0)
    package13526 (1.0.0)
    package13527 (1.0.0)
    package13528 (1.0.0)
    package13529 (1.0.0)
    package13530 (1.0.0)
    package13531 (1.0.0)
    package13532 (1.0.0)
    package13533 (1.0.0)
    package13534 (1.0.0)
    package13535 (1.0.0)
    package13536 (1.0.0)
    package13537 (1.0.0)
    package13538 (1.0.0)
    package13539 (1.0.0)
    package13540 (1.0.0)
    package13541 (1.0.0)
    package13542 (1.0.0)
    package13543 (1.0.0)
    package13544 (1.0.0)
    package13545 (1.0.0)
    package13546 (1.0.0)
    package13547 (1.0.0)
    package13548 (1.0.0)
    package13549 (1.0.0)
    package13550 (1.0.0)
    package13551 (1.0.0)
    package13552 (1.0.0)
    package13553 (1.0.0)
    package13554 (1.0.0)
    package13555 (1.0.0)
    package13556 (1.0.0)
    package13557 (1.0.0)
    package13558 (1.0.0)
    package13559 (1.0.0)
    package13560 (1.0.0)
    package13561 (1.0.0)
    package13562 (1.0.0)
    package13563 (1.0.0)
    package13564 (1.0.0)
    package13565 (1.0.0)
    package13566 (1.0.0)
    package13567 (1.0.0)
    package13568 (1.0.0)
    package13569 (1.0.0)
    package13570 (1.0.0)
    package13571 (1.0.0)
    package13572 (1.0.0)
    package13573 (1.0.0)
    package13574 (1.0.0)
    package13575 (1.0.0)
    package13576 (1.0.0)
    package13577 (1.0.0)
    package13578 (1.0.0)
    package13579 (1.0.0)
    package13580 (1.0.0)
    package13581 (1.0.0)
    package13582 (1.0.0)
    package13583 (1.0.0)
    package13584 (1.0.0)
    package13585 (1.0.0)
    package13586 (1.0.0)
    package13587 (1.0.0)
    package13588 (1.0.0)
    package13589 (1.0.0)
    package13590 (1.0.0)
    package13591 (1.0.0)
    package13592 (1.0.0)
    package13593 (1.0.0)
    package13594 (1.0.0)
    package13595 (1.0.0)
    package13596 (1.0.0)
    package13597 (1.0.0)
    package13598 (1.0.0)
    package13599 (1.0.0)
    package13600 (1.0.0)
    package13601 (1.0.0)
    package13602 (1.0.0)
    package13603 (1.0.0)
    package13604 (1.0.0)
    package13605 (1.0.0)
    package13606 (1.0.0)
    package13607 (1.0.0)
    package13608 (1.0.0)
    package13609 (1.0.0)
    package13610 (1.0.0)
    package13611 (1.0.0)
    package13612 (1.0.0)
    package13613 (1.0.0)
    package13614 (1.0.0)
    package13615 (1.0.0)
    package13616 (1.0.0)
    package13617 (1.0.0)
    package13618 (1.0.0)
    package13619 (1.0.0)
    package13620 (1.0.0)
    package13621 (1.0.0)
    package13622 (1.0.0)
    package13623 (1.0.0)
    package13624 (1.0.0)
    package13625 (1.0.0)
    package13626 (1.0.0)
    package13627 (1.0.0)
    package13628 (1.0.0)
    package13629 (1.0.0)
    package13630 (1.0.0)
    package13631 (1.0.0)
    package13632 (1.0.0)
    package13633 (1.0.0)
    package13634 (1.0.0)
    package13635 (1.0.0)
    package13636 (1.0.0)
    package13637 (1.0.0)
    package13638 (1.0.0)
    package13639 (1.0.0)
    package13640 (1.0.0)
    package13641 (1.0.0)
    package13642 (1.0.0)
    package13643 (1.0.0)
    package13644 (1.0.0)
    package13645 (1.0.0)
    package13646 (1.0.0)
    package13647 (1.0.0)
    package13648 (1.0.0)
    package13649 (1.0.0)
    package13650 (1.0.0)
    package13651 (1.0.0)
    package13652 (1.0.0)
    package13653 (1.0.0)
    package13654 (1.0.0)
    package13655 (1.0.0)
    package13656 (1.0.0)
    package13657 (1.0.0)
    package13658 (1.0.0)
    package13659 (1.0.0)
    package13660 (1.0.0)
    package13661 (1.0.0)
    package13662 (1.0.0)
    package13663 (1.0.0)
    package13664 (1.0.0)
    package13665 (1.0.0)
    package13666 (1.0.0)
    package13667 (1.0.0)
    package13668 (1.0.0)
    package13669 (1.0.0)
    package13670 (1.0.0)
    package13671 (1.0.0)
    package13672 (1.0.0)
    package13673 (1.0.0)
    package13674 (1.0.0)
    package13675 (1.0.0)
    package13676 (1.0.0)
    package13677 (1.0.0)
    package13678 (1.0.0)
    package13679 (1.0.0)
    package13680 (1.0.0)
    package13681 (1.0.0)
    package13682 (1.0.0)
    package13683 (1.0.0)
    package13684 (1.0.0)
    package13685 (1.0.0)
    package13686 (1.0.0)
    package13687 (1.0.0)
    package13688 (1.0.0)
    package13689 (1.0.0)
    package13690 (1.0.0)
    package13691 (1.0.0)
    package13692 (1.0.0)
    package13693 (1.0.0)
    package13694 (1.0.0)
    package13695 (1.0.0)
    package13696 (1.0.0)
    package13697 (1.0.0)
    package13698 (1.0.0)
    package13699 (1.0.0)
    package13700 (1.0.0)
    package13701 (1.0.0)
    package13702 (1.0.0)
    package13703 (1.0.0)
    package13704 (1.0.0)
    package13705 (1.0.0)
    package13706 (1.0.0)
    package13707 (1.0.0)
    package13708 (1.0.0)
    package13709 (1.0.0)
    package13710 (1.0.0)
    package13711 (1.0.0)
    package13712 (1.0.0)
    package13713 (1.0.0)
    package13714 (1.0.0)
    package13715 (1.0.0)
    package13716 (1.0.0)
    package13717 (1.0.0)
    package13718 (1.0.0)
    package13719 (1.0.0)
    package13720 (1.0.0)
    package13721 (1.0.0)
    package13722 (1.0.0)
    package13723 (1.0.0)
    package13724 (1.0.0)
    package13725 (1.0.0)
    package13726 (1.0.0)
    package13727 (1.0.0)
    package13728 (1.0.0)
    package13729 (1.0.0)
    package13730 (1.0.0)
    package13731 (1.0.0)
    package13732 (1.0.0)
    package13733 (1.0.0)
    package13734 (1.0.0)
    package13735 (1.0.0)
    package13736 (1.0.0)
    package13737 (1.0.0)
    package13738 (1.0.0)
    package13739 (1.0.0)
    package13740 (1.0.0)
    package13741 (1.0.0)
    package13742 (1.0.0)
    package13743 (1.0.0)
    package13744 (1.0.0)
    package13745 (1.0.0)
    package13746 (1.0.0)
    package13747 (1.0.0)
    package13748 (1.0.0)
    package13749 (1.0.0)
    package13750 (1.0.0)
    package13751 (1.0.0)
    package13752 (1.0.0)
    package13753 (1.0.0)
    package13754 (1.0.0)
    package13755 (1.0.0)
    package13756 (1.0.0)
    package13757 (1.0.0)
    package13758 (1.0.0)
    package13759 (1.0.0)
    package13760 (1.0.0)
    package13761 (1.0.0)
    package13762 (1.0.0)
    package13763 (1.0.0)
    package13764 (1.0.0)
    package13765 (1.0.0)
    package13766 (1.0.0)
    package13767 (1.0.0)
    package13768 (1.0.0)
    package13769 (1.0.0)
    package13770 (1.0.0)
    package13771 (1.0.0)
    package13772 (1.0.0)
    package13773 (1.0.0)
    package13774 (1.0.0)
    package13775 (1.0.0)
    package13776 (1.0.0)
    package13777 (1.0.0)
    package13778 (1.0.0)
    package13779 (1.0.0)
    package13780 (1.0.0)
    package13781 (1.0.0)
    package13782 (1.0.0)
    package13783 (1.0.0)
    package13784 (1.0.0)
    package13785 (1.0.0)
    package13786 (1.0.0)
    package13787 (1.0.0)
    package13788 (1.0.0)
    package13789 (1.0.0)
    package13790 (1.0.0)
    package13791 (1.0.0)
    package13792 (1.0.0)
    package13793 (1.0.0)
    package13794 (1.0.0)
    package13795 (1.0.0)
    package13796 (1.0.0)
    package13797 (1.0.0)
    package13798 (1.0.0)
    package13799 (1.0.0)
    package13800 (1.0.0)
    package13801 (1.0.0)
    package13802 (1.0.0)
    package13803 (1.0.0)
    package13804 (1.0.0)
    package13805 (1.0.0)
    package13806 (1.0.0)
    package13807 (1.0.0)
    package13808 (1.0.0)
    package13809 (1.0.0)
    package13810 (1.0.0)
    package13811 (1.0.0)
    package13812 (1.0.0)
    package13813 (1.0.0)
    package13814 (1.0.0)
    package13815 (1.0.0)
    package13816 (1.0.0)
    package13817 (1.0.0)
    package13818 (1.0.0)
    package13819 (1.0.0)
    package13820 (1.0.0)
    package13821 (1.0.0)
    package13822 (1.0.0)
    package13823 (1.0.0)
    package13824 (1.0.0)
    package13825 (1.0.0)
    package13826 (1.0.0)
    package13827 (1.0.0)
    package13828 (1.0.0)
    package13829 (1.0.0)
    package13830 (1.0.0)
    package13831 (1.0.0)
    package13832 (1.0.0)
    package13833 (1.0.0)
    package13834 (1.0.0)
    package13835 (1.0.0)
    package13836 (1.0.0)
    package13837 (1.0.0)
    package13838 (1.0.0)
    package13839 (1.0.0)
    package13840 (1.0.0)
    package13841 (1.0.0)
    package13842 (1.0.0)
    package13843 (1.0.0)
    package13844 (1.0.0)
    package13845 (1.0.0)
    package13846 (1.0.0)
    package13847 (1.0.0)
    package13848 (1.0.0)
    package13849 (1.0.0)
    package13850 (1.0.0)
    package13851 (1.0.0)
    package13852 (1.0.0)
    package13853 (1.0.0)
    package13854 (1.0.0)
    package13855 (1.0.0)
    package13856 (1.0.0)
    package13857 (1.0.0)
    package13858 (1.0.0)
    package13859 (1.0.0)
    package13860 (1.0.0)
    package13861 (1.0.0)
    package13862 (1.0.0)
    package13863 (1.0.0)
    package13864 (1.0.0)
    package13865 (1.0.0)
    package13866 (1.0.0)
    package13867 (1.0.0)
    package13868 (1.0.0)
    package13869 (1.0.0)
    package13870 (1.0.0)
    package13871 (1.0.0)
    package13872 (1.0.0)
    package13873 (1.0.0)
    package13874 (1.0.0)
    package13875 (1.0.0)
    package13876 (1.0.0)
    package13877 (1.0.0)
    package13878 (1.0.0)
    package13879 (1.0.0)
    package13880 (1.0.0)
    package13881 (1.0.0)
    package13882 (1.0.0)
    package13883 (1.0.0)
    package13884 (1.0.0)
    package13885 (1.0.0)
    package13886 (1.0.0)
    package13887 (1.0.0)
    package13888 (1.0.0)
    package13889 (1.0.0)
    package13890 (1.0.0)
    package13891 (1.0.0)
    package13892 (1.0.0)
    package13893 (1.0.0)
    package13894 (1.0.0)
    package13895 (1.0.0)
    package13896 (1.0.0)
    package13897 (1.0.0)
    package13898 (1.0.0)
    package13899 (1.0.0)
    package13900 (1.0.0)
    package13901 (1.0.0)
    package13902 (1.0.0)
    package13903 (1.0.0)
    package13904 (1.0.0)
    package13905 (1.0.0)
    package13906 (1.0.0)
    package13907 (1.0.0)
    package13908 (1.0.0)
    package13909 (1.0.0)
    package13910 (1.0.0)
    package13911 (1.0.0)
    package13912 (1.0.0)
    package13913 (1.0.0)
    package13914 (1.0.0)
    package13915 (1.0.0)
    package13916 (1.0.0)
    package13917 (1.0.0)
    package13918 (1.0.0)
    package13919 (1.0.0)
    package13920 (1.0.0)
    package13921 (1.0.0)
    package13922 (1.0.0)
    package13923 (1.0.0)
    package13924 (1.0.0)
    package13925 (1.0.0)
    package13926 (1.0.0)
    package13927 (1.0.0)
    package13928 (1.0.0)
    package13929 (1.0.0)
    package13930 (1.0.0)
    package13931 (1.0.0)
    package13932 (1.0.0)
    package13933 (1.0.0)
    package13934 (1.0.0)
    package13935 (1.0.0)
    package13936 (1.0.0)
    package13937 (1.0.0)
    package13938 (1.0.0)
    package13939 (1.0.0)
    package13940 (1.0.0)
    package13941 (1.0.0)
    package13942 (1.0.0)
    package13943 (1.0.0)
    package13944 (1.0.0)
    package13945 (1.0.0)
    package13946 (1.0.0)
    package13947 (1.0.0)
    package13948 (1.0.0)
    package13949 (1.0.0)
    package13950 (1.0.0)
    package13951 (1.0.0)
    package13952 (1.0.0)
    package13953 (1.0.0)
    package13954 (1.0.0)
    package13955 (1.0.0)
    package13956 (1.0.0)
    package13957 (1.0.0)
    package13958 (1.0.0)
    package13959 (1.0.0)
    package13960 (1.0.0)
    package13961 (1.0.0)
    package13962 (1.0.0)
    package13963 (1.0.0)
    package13964 (1.0.0)
    package13965 (1.0.0)
    package13966 (1.0.0)
    package13967 (1.0.0)
    package13968 (1.0.0)
    package13969 (1.0.0)
    package13970 (1.0.0)
    package13971 (1.0.0)
    package13972 (1.0.0)
    package13973 (1.0.0)
    package13974 (1.0.0)
    package13975 (1.0.0)
    package13976 (1.0.0)
    package13977 (1.0.0)
    package13978 (1.0.0)
    package13979 (1.0.0)
    package13980 (1.0.0)
    package13981 (1.0.0)
    package13982 (1.0.0)
    package13983 (1.0.0)
    package13984 (1.0.0)
    package13985 (1.0.0)
    package13986 (1.0.0)
    package13987 (1.0.0)
    package13988 (1.0.0)
    package13989 (1.0.0)
    package13990 (1.0.0)
    package13991 (1.0.0)
    package13992 (1.0.0)
    package13993 (1.0.0)
    package13994 (1.0.0)
    package13995 (1.0.0)
    package13996 (1.0.0)
    package13997 (1.0.0)
    package13998 (1.0.0)
    package13999 (1.0.0)
    package14000 (1.0.0)
    package14001 (1.0.0)
    package14002 (1.0.0)
    package14003 (1.0.0)
    package14004 (1.0.0)
    package14005 (1.0.0)
    package14006 (1.0.0)
    package14007 (1.0.0)
    package14008 (1.0.0)
    package14009 (1.0.0)
    package14010 (1.0.0)
    package14011 (1.0.0)
    package14012 (1.0.0)
    package14013 (1.0.0)
    package14014 (1.0.0)
    package14015 (1.0.0)
    package14016 (1.0.0)
    package14017 (1.0.0)
    package14018 (1.0.0)
    package14019 (1.0.0)
    package14020 (1.0.0)
    package14021 (1.0.0)
    package14022 (1.0.0)
    package14023 (1.0.0)
    package14024 (1.0.0)
    package14025 (1.0.0)
    package14026 (1.0.0)
    package14027 (1.0.0)
    package14028 (1.0.0)
    package14029 (1.0.0)
    package14030 (1.0.0)
    package14031 (1.0.0)
    package14032 (1.0.0)
    package14033 (1.0.0)
    package14034 (1.0.0)
    package14035 (1.0.0)
    package14036 (1.0.0)
    package14037 (1.0.0)
    package14038 (1.0.0)
    package14039 (1.0.0)
    package14040 (1.0.0)
    package14041 (1.0.0)
    package14042 (1.0.0)
    package14043 (1.0.0)
    package14044 (1.0.0)
    package14045 (1.0.0)
    package14046 (1.0.0)
    package14047 (1.0.0)
    package14048 (1.0.0)
    package14049 (1.0.0)
    package14050 (1.0.0)
    package14051 (1.0.0)
    package14052 (1.0.0)
    package14053 (1.0.0)
    package14054 (1.0.0)
    package14055 (1.0.0)
    package14056 (1.0.0)
    package14057 (1.0.0)
    package14058 (1.0.0)
    package14059 (1.0.0)
    package14060 (1.0.0)
    package14061 (1.0.0)
    package14062 (1.0.0)
    package14063 (1.0.0)
    package14064 (1.0.0)
    package14065 (1.0.0)
    package14066 (1.0.0)
    package14067 (1.0.0)
    package14068 (1.0.0)
    package14069 (1.0.0)
    package14070 (1.0.0)
    package14071 (1.0.0)
    package14072 (1.0.0)
    package14073 (1.0.0)
    package14074 (1.0.0)
    package14075 (1.0.0)
    package14076 (1.0.0)
    package14077 (1.0.0)
    package14078 (1.0.0)
    package14079 (1.0.0)
    package14080 (1.0.0)
    package14081 (1.0.0)
    package14082 (1.0.0)
    package14083 (1.0.0)
    package14084 (1.0.0)
    package14085 (1.0.0)
    package14086 (1.0.0)
    package14087 (1.0.0)
    package14088 (1.0.0)
    package14089 (1.0.0)
    package14090 (1.0.0)
    package14091 (1.0.0)
    package14092 (1.0.0)
    package14093 (1.0.0)
    package14094 (1.0.0)
    package14095 (1.0.0)
    package14096 (1.0.0)
    package14097 (1.0.0)
    package14098 (1.0.0)
    package14099 (1.0.0)
    package14100 (1.0.0)
    package14101 (1.0.0)
    package14102 (1.0.0)
    package14103 (1.0.0)
    package14104 (1.0.0)
    package14105 (1.0.0)
    package14106 (1.0.0)
    package14107 (1.0.0)
    package14108 (1.0.0)
    package14109 (1.0.0)
    package14110 (1.0.0)
    package14111 (1.0.0)
    package14112 (1.0.0)
    package14113 (1.0.0)
    package14114 (1.0.0)
    package14115 (1.0.0)
    package14116 (1.0.0)
    package14117 (1.0.0)
    package14118 (1.0.0)
    package14119 (1.0.0)
    package14120 (1.0.0)
    package14121 (1.0.0)
    package14122 (1.0.0)
    package14123 (1.0.0)
    package14124 (1.0.0)
    package14125 (1.0.0)
    package14126 (1.0.0)
    package14127 (1.0.0)
    package14128 (1.0.0)
    package14129 (1.0.0)
    package14130 (1.0.0)
    package14131 (1.0.0)
    package14132 (1.0.0)
    package14133 (1.0.0)
    package14134 (1.0.0)
    package14135 (1.0.0)
    package14136 (1.0.0)
    package14137 (1.0.0)
    package14138 (1.0.0)
    package14139 (1.0.0)
    package14140 (1.0.0)
    package14141 (1.0.0)
    package14142 (1.0.0)
    package14143 (1.0.0)
    package14144 (1.0.0)
    package14145 (1.0.0)
    package14146 (1.0.0)
    package14147 (1.0.0)
    package14148 (1.0.0)
    package14149 (1.0.0)
    package14150 (1.0.0)
    package14151 (1.0.0)
    package14152 (1.0.0)
    package14153 (1.0.0)
    package14154 (1.0.0)
    package14155 (1.0.0)
    package14156 (1.0.0)
    package14157 (1.0.0)
    package14158 (1.0.0)
    package14159 (1.0.0)
    package14160 (1.0.0)
    package14161 (1.0.0)
    package14162 (1.0.0)
    package14163 (1.0.0)
    package14164 (1.0.0)
    package14165 (1.0.0)
    package14166 (1.0.0)
    package14167 (1.0.0)
    package14168 (1.0.0)
    package14169 (1.0.0)
    package14170 (1.0.0)
    package14171 (1.0.0)
    package14172 (1.0.0)
    package14173 (1.0.0)
    package14174 (1.0.0)
    package14175 (1.0.0)
    package14176 (1.0.0)
    package14177 (1.0.0)
    package14178 (1.0.0)
    package14179 (1.0.0)
    package14180 (1.0.0)
    package14181 (1.0.0)
    package14182 (1.0.0)
    package14183 (1.0.0)
    package14184 (1.0.0)
    package14185 (1.0.0)
    package14186 (1.0.0)
    package14187 (1.0.0)
    package14188 (1.0.0)
    package14189 (1.0.0)
    package14190 (1.0.0)
    package14191 (1.0.0)
    package14192 (1.0.0)
    package14193 (1.0.0)
    package14194 (1.0.0)
    package14195 (1.0.0)
    package14196 (1.0.0)
    package14197 (1.0.0)
    package14198 (1.0.0)
    package14199 (1.0.0)
    package14200 (1.0.0)
    package14201 (1.0.0)
    package14202 (1.0.0)
    package14203 (1.0.0)
    package14204 (1.0.0)
    package14205 (1.0.0)
    package14206 (1.0.0)
    package14207 (1.0.0)
    package14208 (1.0.0)
    package14209 (1.0.0)
    package14210 (1.0.0)
    package14211 (1.0.0)
    package14212 (1.0.0)
    package14213 (1.0.0)
    package14214 (1.0.0)
    package14215 (1.0.0)
    package14216 (1.0.0)
    package14217 (1.0.0)
    package14218 (1.0.0)
    package14219 (1.0.0)
    package14220 (1.0.0)
    package14221 (1.0.0)
    package14222 (1.0.0)
    package14223 (1.0.0)
    package14224 (1.0.0)
    package14225 (1.0.0)
    package14226 (1.0.0)
    package14227 (1.0.0)
    package14228 (1.0.0)
    package14229 (1.0.0)
    package14230 (1.0.0)
    package14231 (1.0.0)
    package14232 (1.0.0)
    package14233 (1.0.0)
    package14234 (1.0.0)
    package14235 (1.0.0)
    package14236 (1.0.0)
    package14237 (1.0.0)
    package14238 (1.0.0)
    package14239 (1.0.0)
    package14240 (1.0.0)
    package14241 (1.0.0)
    package14242 (1.0.0)
    package14243 (1.0.0)
    package14244 (1.0.0)
    package14245 (1.0.0)
    package14246 (1.0.0)
    package14247 (1.0.0)
    package14248 (1.0.0)
    package14249 (1.0.0)
    package14250 (1.0.0)
    package14251 (1.0.0)
    package14252 (1.0.0)
    package14253 (1.0.0)
    package14254 (1.0.0)
    package14255 (1.0.0)
    package14256 (1.0.0)
    package14257 (1.0.0)
    package14258 (1.0.0)
    package14259 (1.0.0)
    package14260 (1.0.0)
    package14261 (1.0.0)
    package14262 (1.0.0)
    package14263 (1.0.0)
    package14264 (1.0.0)
    package14265 (1.0.0)
    package14266 (1.0.0)
    package14267 (1.0.0)
    package14268 (1.0.0)
    package14269 (1.0.0)
    package14270 (1.0.0)
    package14271 (1.0.0)
    package14272 (1.0.0)
    package14273 (1.0.0)
    package14274 (1.0.0)
    package14275 (1.0.0)
    package14276 (1.0.0)
    package14277 (1.0.0)
    package14278 (1.0.0)
    package14279 (1.0.0)
    package14280 (1.0.0)
    package14281 (1.0.0)
    package14282 (1.0.0)
    package14283 (1.0.0)
    package14284 (1.0.0)
    package14285 (1.0.0)
    package14286 (1.0.0)
    package14287 (1.0.0)
    package14288 (1.0.0)
    package14289 (1.0.0)
    package14290 (1.0.0)
    package14291 (1.0.0)
    package14292 (1.0.0)
    package14293 (1.0.0)
    package14294 (1.0.0)
    package14295 (1.0.0)
    package14296 (1.0.0)
    package14297 (1.0.0)
    package14298 (1.0.0)
    package14299 (1.0.0)
    package14300 (1.0.0)
    package14301 (1.0.0)
    package14302 (1.0.0)
    package14303 (1.0.0)
    package14304 (1.0.0)
    package14305 (1.0.0)
    package14306 (1.0.0)
    package14307 (1.0.0)
    package14308 (1.0.0)
    package14309 (1.0.0)
    package14310 (1.0.0)
    package14311 (1.0.0)
    package14312 (1.0.0)
    package14313 (1.0.0)
    package14314 (1.0.0)
    package14315 (1.0.0)
    package14316 (1.0.0)
    package14317 (1.0.0)
    package14318 (1.0.0)
    package14319 (1.0.0)
    package14320 (1.0.0)
    package14321 (1.0.0)
    package14322 (1.0.0)
    package14323 (1.0.0)
    package14324 (1.0.0)
    package14325 (1.0.0)
    package14326 (1.0.0)
    package14327 (1.0.0)
    package14328 (1.0.0)
    package14329 (1.0.0)
    package14330 (1.0.0)
    package14331 (1.0.0)
    package14332 (1.0.0)
    package14333 (1.0.0)
    package14334 (1.0.0)
    package14335 (1.0.0)
    package14336 (1.0.0)
    package14337 (1.0.0)
    package14338 (1.0.0)
    package14339 (1.0.0)
    package14340 (1.0.0)
    package14341 (1.0.0)
    package14342 (1.0.0)
    package14343 (1.0.0)
    package14344 (1.0.0)
    package14345 (1.0.0)
    package14346 (1.0.0)
    package14347 (1.0.0)
    package14348 (1.0.0)
    package14349 (1.0.0)
    package14350 (1.0.0)
    package14351 (1.0.0)
    package14352 (1.0.0)
    package14353 (1.0.0)
    package14354 (1.0.0)
    package14355 (1.0.0)
    package14356 (1.0.0)
    package14357 (1.0.0)
    package14358 (1.0.0)
    package14359 (1.0.0)
    package14360 (1.0.0)
    package14361 (1.0.0)
    package14362 (1.0.0)
    package14363 (1.0.0)
    package14364 (1.0.0)
    package14365 (1.0.0)
    package14366 (1.0.0)
    package14367 (1.0.0)
    package14368 (1.0.0)
    package14369 (1.0.0)
    package14370 (1.0.0)
    package14371 (1.0.0)
    package14372 (1.0.0)
    package14373 (1.0.0)
    package14374 (1.0.0)
    package14375 (1.0.0)
    package14376 (1.0.0)
    package14377 (1.0.0)
    package14378 (1.0.0)
    package14379 (1.0.0)
    package14380 (1.0.0)
    package14381 (1.0.0)
    package14382 (1.0.0)
    package14383 (1.0.0)
    package14384 (1.0.0)
    package14385 (1.0.0)
    package14386 (1.0.0)
    package14387 (1.0.0)
    package14388 (1.0.0)
    package14389 (1.0.0)
    package14390 (1.0.0)
    package14391 (1.0.0)
    package14392 (1.0.0)
    package14393 (1.0.0)
    package14394 (1.0.0)
    package14395 (1.0.0)
    package14396 (1.0.0)
    package14397 (1.0.0)
    package14398 (1.0.0)
    package14399 (1.0.0)
    package14400 (1.0.0)
    package14401 (1.0.0)
    package14402 (1.0.0)
    package14403 (1.0.0)
    package14404 (1.0.0)
    package14405 (1.0.0)
    package14406 (1.0.0)
    package14407 (1.0.0)
    package14408 (1.0.0)
    package14409 (1.0.0)
    package14410 (1.0.0)
    package14411 (1.0.0)
    package14412 (1.0.0)
    package14413 (1.0.0)
    package14414 (1.0.0)
    package14415 (1.0.0)
    package14416 (1.0.0)
    package14417 (1.0.0)
    package14418 (1.0.0)
    package14419 (1.0.0)
    package14420 (1.0.0)
    package14421 (1.0.0)
    package14422 (1.0.0)
    package14423 (1.0.0)
    package14424 (1.0.0)
    package14425 (1.0.0)
    package14426 (1.0.0)
    package14427 (1.0.0)
    package14428 (1.0.0)
    package14429 (1.0.0)
    package14430 (1.0.0)
    package14431 (1.0.0)
    package14432 (1.0.0)
    package14433 (1.0.0)
    package14434 (1.0.0)
    package14435 (1.0.0)
    package14436 (1.0.0)
    package14437 (1.0.0)
    package14438 (1.0.0)
    package14439 (1.0.0)
    package14440 (1.0.0)
    package14441 (1.0.0)
    package14442 (1.0.0)
    package14443 (1.0.0)
    package14444 (1.0.0)
    package14445 (1.0.0)
    package14446 (1.0.0)
    package14447 (1.0.0)
    package14448 (1.0.0)
    package14449 (1.0.0)
    package14450 (1.0.0)
    package14451 (1.0.0)
    package14452 (1.0.0)
    package14453 (1.0.0)
    package14454 (1.0.0)
    package14455 (1.0.0)
    package14456 (1.0.0)
    package14457 (1.0.0)
    package14458 (1.0.0)
    package14459 (1.0.0)
    package14460 (1.0.0)
    package14461 (1.0.0)
    package14462 (1.0.0)
    package14463 (1.0.0)
    package14464 (1.0.0)
    package14465 (1.0.0)
    package14466 (1.0.0)
    package14467 (1.0.0)
    package14468 (1.0.0)
    package14469 (1.0.0)
    package14470 (1.0.0)
    package14471 (1.0.0)
    package14472 (1.0.0)
    package14473 (1.0.0)
    package14474 (1.0.0)
    package14475 (1.0.0)
    package14476 (1.0.0)
    package14477 (1.0.0)
    package14478 (1.0.0)
    package14479 (1.0.0)
    package14480 (1.0.0)
    package14481 (1.0.0)
    package14482 (1.0.0)
    package14483 (1.0.0)
    package14484 (1.0.0)
    package14485 (1.0.0)
    package14486 (1.0.0)
    package14487 (1.0.0)
    package14488 (1.0.0)
    package14489 (1.0.0)
    package14490 (1.0.0)
    package14491 (1.0.0)
    package14492 (1.0.0)
    package14493 (1.0.0)
    package14494 (1.0.0)
    package14495 (1.0.0)
    package14496 (1.0.0)
    package14497 (1.0.0)
    package14498 (1.0.0)
    package14499 (1.0.0)
    package14500 (1.0.0)
    package14501 (1.0.0)
    package14502 (1.0.0)
    package14503 (1.0.0)
    package14504 (1.0.0)
    package14505 (1.0.0)
    package14506 (1.0.0)
    package14507 (1.0.0)
    package14508 (1.0.0)
    package14509 (1.0.0)
    package14510 (1.0.0)
    package14511 (1.0.0)
    package14512 (1.0.0)
    package14513 (1.0.0)
    package14514 (1.0.0)
    package14515 (1.0.0)
    package14516 (1.0.0)
    package14517 (1.0.0)
    package14518 (1.0.0)
    package14519 (1.0.0)
    package14520 (1.0.0)
    package14521 (1.0.0)
    package14522 (1.0.0)
    package14523 (1.0.0)
    package14524 (1.0.0)
    package14525 (1.0.0)
    package14526 (1.0.0)
    package14527 (1.0.0)
    package14528 (1.0.0)
    package14529 (1.0.0)
    package14530 (1.0.0)
    package14531 (1.0.0)
    package14532 (1.0.0)
    package14533 (1.0.0)
    package14534 (1.0.0)
    package14535 (1.0.0)
    package14536 (1.0.0)
    package14537 (1.0.0)
    package14538 (1.0.0)
    package14539 (1.0.0)
    package14540 (1.0.0)
    package14541 (1.0.0)
    package14542 (1.0.0)
    package14543 (1.0.0)
    package14544 (1.0.0)
    package14545 (1.0.0)
    package14546 (1.0.0)
    package14547 (1.0.0)
    package14548 (1.0.0)
    package14549 (1.0.0)
    package14550 (1.0.0)
    package14551 (1.0.0)
    package14552 (1.0.0)
    package14553 (1.0.0)
    package14554 (1.0.0)
    package14555 (1.0.0)
    package14556 (1.0.0)
    package14557 (1.0.0)
    package14558 (1.0.0)
    package14559 (1.0.0)
    package14560 (1.0.0)
    package14561 (1.0.0)
    package14562 (1.0.0)
    package14563 (1.0.0)
    package14564 (1.0.0)
    package14565 (1.0.0)
    package14566 (1.0.0)
    package14567 (1.0.0)
    package14568 (1.0.0)
    package14569 (1.0.0)
    package14570 (1.0.0)
    package14571 (1.0.0)
    package14572 (1.0.0)
    package14573 (1.0.0)
    package14574 (1.0.0)
    package14575 (1.0.0)
    package14576 (1.0.0)
    package14577 (1.0.0)
    package14578 (1.0.0)
    package14579 (1.0.0)
    package14580 (1.0.0)
    package14581 (1.0.0)
    package14582 (1.0.0)
    package14583 (1.0.0)
    package14584 (1.0.0)
    package14585 (1.0.0)
    package14586 (1.0.0)
    package14587 (1.0.0)
    package14588 (1.0.0)
    package14589 (1.0.0)
    package14590 (1.0.0)
    package14591 (1.0.0)
    package14592 (1.0.0)
    package14593 (1.0.0)
    package14594 (1.0.0)
    package14595 (1.0.0)
    package14596 (1.0.0)
    package14597 (1.0.0)
    package14598 (1.0.0)
    package14599 (1.0.0)
    package14600 (1.0.0)
    package14601 (1.0.0)
    package14602 (1.0.0)
    package14603 (1.0.0)
    package14604 (1.0.0)
    package14605 (1.0.0)
    package14606 (1.0.0)
    package14607 (1.0.0)
    package14608 (1.0.0)
    package14609 (1.0.0)
    package14610 (1.0.0)
    package14611 (1.0.0)
    package14612 (1.0.0)
    package14613 (1.0.0)
    package14614 (1.0.0)
    package14615 (1.0.0)
    package14616 (1.0.0)
    package14617 (1.0.0)
    package14618 (1.0.0)
    package14619 (1.0.0)
    package14620 (1.0.0)
    package14621 (1.0.0)
    package14622 (1.0.0)
    package14623 (1.0.0)
    package14624 (1.0.0)
    package14625 (1.0.0)
    package14626 (1.0.0)
    package14627 (1.0.0)
    package14628 (1.0.0)
    package14629 (1.0.0)
    package14630 (1.0.0)
    package14631 (1.0.0)
    package14632 (1.0.0)
    package14633 (1.0.0)
    package14634 (1.0.0)
    package14635 (1.0.0)
    package14636 (1.0.0)
    package14637 (1.0.0)
    package14638 (1.0.0)
    package14639 (1.0.0)
    package14640 (1.0.0)
    package14641 (1.0.0)
    package14642 (1.0.0)
    package14643 (1.0.0)
    package14644 (1.0.0)
    package14645 (1.0.0)
    package14646 (1.0.0)
    package14647 (1.0.0)
    package14648 (1.0.0)
    package14649 (1.0.0)
    package14650 (1.0.0)
    package14651 (1.0.0)
    package14652 (1.0.0)
    package14653 (1.0.0)
    package14654 (1.0.0)
    package14655 (1.0.0)
    package14656 (1.0.0)
    package14657 (1.0.0)
    package14658 (1.0.0)
    package14659 (1.0.0)
    package14660 (1.0.0)
    package14661 (1.0.0)
    package14662 (1.0.0)
    package14663 (1.0.0)
    package14664 (1.0.0)
    package14665 (1.0.0)
    package14666 (1.0.0)
    package14667 (1.0.0)
    package14668 (1.0.0)
    package14669 (1.0.0)
    package14670 (1.0.0)
    package14671 (1.0.0)
    package14672 (1.0.0)
    package14673 (1.0.0)
    package14674 (1.0.0)
    package14675 (1.0.0)
    package14676 (1.0.0)
    package14677 (1.0.0)
    package14678 (1.0.0)
    package14679 (1.0.0)
    package14680 (1.0.0)
    package14681 (1.0.0)
    package14682 (1.0.0)
    package14683 (1.0.0)
    package14684 (1.0.0)
    package14685 (1.0.0)
    package14686 (1.0.0)
    package14687 (1.0.0)
    package14688 (1.0.0)
    package14689 (1.0.0)
    package14690 (1.0.0)
    package14691 (1.0.0)
    package14692 (1.0.0)
    package14693 (1.0.0)
    package14694 (1.0.0)
    package14695 (1.0.0)
    package14696 (1.0.0)
    package14697 (1.0.0)
    package14698 (1.0.0)
    package14699 (1.0.0)
    package14700 (1.0.0)
    package14701 (1.0.0)
    package14702 (1.0.0)
    package14703 (1.0.0)
    package14704 (1.0.0)
    package14705 (1.0.0)
    package14706 (1.0.0)
    package14707 (1.0.0)
    package14708 (1.0.0)
    package14709 (1.0.0)
    package14710 (1.0.0)
    package14711 (1.0.0)
    package14712 (1.0.0)
    package14713 (1.0.0)
    package14714 (1.0.0)
    package14715 (1.0.0)
    package14716 (1.0.0)
    package14717 (1.0.0)
    package14718 (1.0.0)
    package14719 (1.0.0)
    package14720 (1.0.0)
    package14721 (1.0.0)
    package14722 (1.0.0)
    package14723 (1.0.0)
    package14724 (1.0.0)
    package14725 (1.0.0)
    package14726 (1.0.0)
    package14727 (1.0.0)
    package14728 (1.0.0)
    package14729 (1.0.0)
    package14730 (1.0.0)
    package14731 (1.0.0)
    package14732 (1.0.0)
    package14733 (1.0.0)
    package14734 (1.0.0)
    package14735 (1.0.0)
    package14736 (1.0.0)
    package14737 (1.0.0)
    package14738 (1.0.0)
    package14739 (1.0.0)
    package14740 (1.0.0)
    package14741 (1.0.0)
    package14742 (1.0.0)
    package14743 (1.0.0)
    package14744 (1.0.0)
    package14745 (1.0.0)
    package14746 (1.0.0)
    package14747 (1.0.0)
    package14748 (1.0.0)
    package14749 (1.0.0)
    package14750 (1.0.0)
    package14751 (1.0.0)
    package14752 (1.0.0)
    package14753 (1.0.0)
    package14754 (1.0.0)
    package14755 (1.0.0)
    package14756 (1.0.0)
    package14757 (1.0.0)
    package14758 (1.0.0)
    package14759 (1.0.0)
    package14760 (1.0.0)
    package14761 (1.0.0)
    package14762 (1.0.0)
    package14763 (1.0.0)
    package14764 (1.0.0)
    package14765 (1.0.0)
    package14766 (1.0.0)
    package14767 (1.0.0)
    package14768 (1.0.0)
    package14769 (1.0.0)
    package14770 (1.0.0)
    package14771 (1.0.0)
    package14772 (1.0.0)
    package14773 (1.0.0)
    package14774 (1.0.0)
    package14775 (1.0.0)
    package14776 (1.0.0)
    package14777 (1.0.0)
    package14778 (1.0.0)
    package14779 (1.0.0)
    package14780 (1.0.0)
    package14781 (1.0.0)
    package14782 (1.0.0)
    package14783 (1.0.0)
    package14784 (1.0.0)
    package14785 (1.0.0)
    package14786 (1.0.0)
    package14787 (1.0.0)
    package14788 (1.0.0)
    package14789 (1.0.0)
    package14790 (1.0.0)
    package14791 (1.0.0)
    package14792 (1.0.0)
    package14793 (1.0.0)
    package14794 (1.0.0)
    package14795 (1.0.0)
    package14796 (1.0.0)
    package14797 (1.0.0)
    package14798 (1.0.0)
    package14799 (1.0.0)
    package14800 (1.0.0)
    package14801 (1.0.0)
    package14802 (1.0.0)
    package14803 (1.0.0)
    package14804 (1.0.0)
    package14805 (1.0.0)
    package14806 (1.0.0)
    package14807 (1.0.0)
    package14808 (1.0.0)
    package14809 (1.0.0)
    package14810 (1.0.0)
    package14811 (1.0.0)
    package14812 (1.0.0)
    package14813 (1.0.0)
    package14814 (1.0.0)
    package14815 (1.0.0)
    package14816 (1.0.0)
    package14817 (1.0.0)
    package14818 (1.0.0)
    package14819 (1.0.0)
    package14820 (1.0.0)
    package14821 (1.0.0)
    package14822 (1.0.0)
    package14823 (1.0.0)
    package14824 (1.0.0)
    package14825 (1.0.0)
    package14826 (1.0.0)
    package14827 (1.0.0)
    package14828 (1.0.0)
    package14829 (1.0.0)
    package14830 (1.0.0)
    package14831 (1.0.0)
    package14832 (1.0.0)
    package14833 (1.0.0)
    package14834 (1.0.0)
    package14835 (1.0.0)
    package14836 (1.0.0)
    package14837 (1.0.0)
    package14838 (1.0.0)
    package14839 (1.0.0)
    package14840 (1.0.0)
    package14841 (1.0.0)
    package14842 (1.0.0)
    package14843 (1.0.0)
    package14844 (1.0.0)
    package14845 (1.0.0)
    package14846 (1.0.0)
    package14847 (1.0.0)
    package14848 (1.0.0)
    package14849 (1.0.0)
    package14850 (1.0.0)
    package14851 (1.0.0)
    package14852 (1.0.0)
    package14853 (1.0.0)
    package14854 (1.0.0)
    package14855 (1.0.0)
    package14856 (1.0.0)
    package14857 (1.0.0)
    package14858 (1.0.0)
    package14859 (1.0.0)
    package14860 (1.0.0)
    package14861 (1.0.0)
    package14862 (1.0.0)
    package14863 (1.0.0)
    package14864 (1.0.0)
    package14865 (1.0.0)
    package14866 (1.0.0)
    package14867 (1.0.0)
    package14868 (1.0.0)
    package14869 (1.0.0)
    package14870 (1.0.0)
    package14871 (1.0.0)
    package14872 (1.0.0)
    package14873 (1.0.0)
    package14874 (1.0.0)
    package14875 (1.0.0)
    package14876 (1.0.0)
    package14877 (1.0.0)
    package14878 (1.0.0)
    package14879 (1.0.0)
    package14880 (1.0.0)
    package14881 (1.0.0)
    package14882 (1.0.0)
    package14883 (1.0.0)
    package14884 (1.0.0)
    package14885 (1.0.0)
    package14886 (1.0.0)
    package14887 (1.0.0)
    package14888 (1.0.0)
    package14889 (1.0.0)
    package14890 (1.0.0)
    package14891 (1.0.0)
    package14892 (1.0.0)
    package14893 (1.0.0)
    package14894 (1.0.0)
    package14895 (1.0.0)
    package14896 (1.0.0)
    package14897 (1.0.0)
    package14898 (1.0.0)
    package14899 (1.0.0)
    package14900 (1.0.0)
    package14901 (1.0.0)
    package14902 (1.0.0)
    package14903 (1.0.0)
    package14904 (1.0.0)
    package14905 (1.0.0)
    package14906 (1.0.0)
    package14907 (1.0.0)
    package14908 (1.0.0)
    package14909 (1.0.0)
    package14910 (1.0.0)
    package14911 (1.0.0)
    package14912 (1.0.0)
    package14913 (1.0.0)
    package14914 (1.0.0)
    package14915 (1.0.0)
    package14916 (1.0.0)
    package14917 (1.0.0)
    package14918 (1.0.0)
    package14919 (1.0.0)
    package14920 (1.0.0)
    package14921 (1.0.0)
    package14922 (1.0.0)
    package14923 (1.0.0)
    package14924 (1.0.0)
    package14925 (1.0.0)
    package14926 (1.0.0)
    package14927 (1.0.0)
    package14928 (1.0.0)
    package14929 (1.0.0)
    package14930 (1.0.0)
    package14931 (1.0.0)
    package14932 (1.0.0)
    package14933 (1.0.0)
    package14934 (1.0.0)
    package14935 (1.0.0)
    package14936 (1.0.0)
    package14937 (1.0.0)
    package14938 (1.0.0)
    package14939 (1.0.0)
    package14940 (1.0.0)
    package14941 (1.0.0)
    package14942 (1.0.0)
    package14943 (1.0.0)
    package14944 (1.0.0)
    package14945 (1.0.0)
    package14946 (1.0.0)
    package14947 (1.0.0)
    package14948 (1.0.0)
    package14949 (1.0.0)
    package14950 (1.0.0)
    package14951 (1.0.0)
    package14952 (1.0.0)
    package14953 (1.0.0)
    package14954 (1.0.0)
    package14955 (1.0.0)
    package14956 (1.0.0)
    package14957 (1.0.0)
    package14958 (1.0.0)
    package14959 (1.0.0)
    package14960 (1.0.0)
    package14961 (1.0.0)
    package14962 (1.0.0)
    package14963 (1.0.0)
    package14964 (1.0.0)
    package14965 (1.0.0)
    package14966 (1.0.0)
    package14967 (1.0.0)
    package14968 (1.0.0)
    package14969 (1.0.0)
    package14970 (1.0.0)
    package14971 (1.0.0)
    package14972 (1.0.0)
    package14973 (1.0.0)
    package14974 (1.0.0)
    package14975 (1.0.0)
    package14976 (1.0.0)
    package14977 (1.0.0)
    package14978 (1.0.0)
    package14979 (1.0.0)
    package14980 (1.0.0)
    package14981 (1.0.0)
    package14982 (1.0.0)
    package14983 (1.0.0)
    package14984 (1.0.0)
    package14985 (1.0.0)
    package14986 (1.0.0)
    package14987 (1.0.0)
    package14988 (1.0.0)
    package14989 (1.0.0)
    package14990 (1.0.0)
    package14991 (1.0.0)
    package14992 (1.0.0)
    package14993 (1.0.0)
    package14994 (1.0.0)
    package14995 (1.0.0)
    package14996 (1.0.0)
    package14997 (1.0.0)
    package14998 (1.0.0)
    package14999 (1.0.0)
    package15000 (1.0.0)
    package15001 (1.0.0)
    package15002 (1.0.0)
    package15003 (1.0.0)
    package15004 (1.0.0)
    package15005 (1.0.0)
    package15006 (1.0.0)
    package15007 (1.0.0)
    package15008 (1.0.0)
    package15009 (1.0.0)
    package15010 (1.0.0)
    package15011 (1.0.0)
    package15012 (1.0.0)
    package15013 (1.0.0)
    package15014 (1.0.0)
    package15015 (1.0.0)
    package15016 (1.0.0)
    package15017 (1.0.0)
    package15018 (1.0.0)
    package15019 (1.0.0)
    package15020 (1.0.0)
    package15021 (1.0.0)
    package15022 (1.0.0)
    package15023 (1.0.0)
    package15024 (1.0.0)
    package15025 (1.0.0)
    package15026 (1.0.0)
    package15027 (1.0.0)
    package15028 (1.0.0)
    package15029 (1.0.0)
    package15030 (1.0.0)
    package15031 (1.0.0)
    package15032 (1.0.0)
    package15033 (1.0.0)
    package15034 (1.0.0)
    package15035 (1.0.0)
    package15036 (1.0.0)
    package15037 (1.0.0)
    package15038 (1.0.0)
    package15039 (1.0.0)
    package15040 (1.0.0)
    package15041 (1.0.0)
    package15042 (1.0.0)
    package15043 (1.0.0)
    package15044 (1.0.0)
    package15045 (1.0.0)
    package15046 (1.0.0)
    package15047 (1.0.0)
    package15048 (1.0.0)
    package15049 (1.0.0)
    package15050 (1.0.0)
    package15051 (1.0.0)
    package15052 (1.0.0)
    package15053 (1.0.0)
    package15054 (1.0.0)
    package15055 (1.0.0)
    package15056 (1.0.0)
    package15057 (1.0.0)
    package15058 (1.0.0)
    package15059 (1.0.0)
    package15060 (1.0.0)
    package15061 (1.0.0)
    package15062 (1.0.0)
    package15063 (1.0.0)
    package15064 (1.0.0)
    package15065 (1.0.0)
    package15066 (1.0.0)
    package15067 (1.0.0)
    package15068 (1.0.0)
    package15069 (1.0.0)
    package15070 (1.0.0)
    package15071 (1.0.0)
    package15072 (1.0.0)
    package15073 (1.0.0)
    package15074 (1.0.0)
    package15075 (1.0.0)
    package15076 (1.0.0)
    package15077 (1.0.0)
    package15078 (1.0.0)
    package15079 (1.0.0)
    package15080 (1.0.0)
    package15081 (1.0.0)
    package15082 (1.0.0)
    package15083 (1.0.0)
    package15084 (1.0.0)
    package15085 (1.0.0)
    package15086 (1.0.0)
    package15087 (1.0.0)
    package15088 (1.0.0)
    package15089 (1.0.0)
    package15090 (1.0.0)
    package15091 (1.0.0)
    package15092 (1.0.0)
    package15093 (1.0.0)
    package15094 (1.0.0)
    package15095 (1.0.0)
    package15096 (1.0.0)
    package15097 (1.0.0)
    package15098 (1.0.0)
    package15099 (1.0.0)
    package15100 (1.0.0)
    package15101 (1.0.0)
    package15102 (1.0.0)
    package15103 (1.0.0)
    package15104 (1.0.0)
    package15105 (1.0.0)
    package15106 (1.0.0)
    package15107 (1.0.0)
    package15108 (1.0.0)
    package15109 (1.0.0)
    package15110 (1.0.0)
    package15111 (1.0.0)
    package15112 (1.0.0)
    package15113 (1.0.0)
    package15114 (1.0.0)
    package15115 (1.0.0)
    package15116 (1.0.0)
    package15117 (1.0.0)
    package15118 (1.0.0)
    package15119 (1.0.0)
    package15120 (1.0.0)
    package15121 (1.0.0)
    package15122 (1.0.0)
    package15123 (1.0.0)
    package15124 (1.0.0)
    package15125 (1.0.0)
    package15126 (1.0.0)
    package15127 (1.0.0)
    package15128 (1.0.0)
    package15129 (1.0.0)
    package15130 (1.0.0)
    package15131 (1.0.0)
    package15132 (1.0.0)
    package15133 (1.0.0)
    package15134 (1.0.0)
    package15135 (1.0.0)
    package15136 (1.0.0)
    package15137 (1.0.0)
    package15138 (1.0.0)
    package15139 (1.0.0)
    package15140 (1.0.0)
    package15141 (1.0.0)
    package15142 (1.0.0)
    package15143 (1.0.0)
    package15144 (1.0.0)
    package15145 (1.0.0)
    package15146 (1.0.0)
    package15147 (1.0.0)
    package15148 (1.0.0)
    package15149 (1.0.0)
    package15150 (1.0.0)
    package15151 (1.0.0)
    package15152 (1.0.0)
    package15153 (1.0.0)
    package15154 (1.0.0)
    package15155 (1.0.0)
    package15156 (1.0.0)
    package15157 (1.0.0)
    package15158 (1.0.0)
    package15159 (1.0.0)
    package15160 (1.0.0)
    package15161 (1.0.0)
    package15162 (1.0.0)
    package15163 (1.0.0)
    package15164 (1.0.0)
    package15165 (1.0.0)
    package15166 (1.0.0)
    package15167 (1.0.0)
    package15168 (1.0.0)
    package15169 (1.0.0)
    package15170 (1.0.0)
    package15171 (1.0.0)
    package15172 (1.0.0)
    package15173 (1.0.0)
    package15174 (1.0.0)
    package15175 (1.0.0)
    package15176 (1.0.0)
    package15177 (1.0.0)
    package15178 (1.0.0)
    package15179 (1.0.0)
    package15180 (1.0.0)
    package15181 (1.0.0)
    package15182 (1.0.0)
    package15183 (1.0.0)
    package15184 (1.0.0)
    package15185 (1.0.0)
    package15186 (1.0.0)
    package15187 (1.0.0)
    package15188 (1.0.0)
    package15189 (1.0.0)
    package15190 (1.0.0)
    package15191 (1.0.0)
    package15192 (1.0.0)
    package15193 (1.0.0)
    package15194 (1.0.0)
    package15195 (1.0.0)
    package15196 (1.0.0)
    package15197 (1.0.0)
    package15198 (1.0.0)
    package15199 (1.0.0)
    package15200 (1.0.0)
    package15201 (1.0.0)
    package15202 (1.0.0)
    package15203 (1.0.0)
    package15204 (1.0.0)
    package15205 (1.0.0)
    package15206 (1.0.0)
    package15207 (1.0.0)
    package15208 (1.0.0)
    package15209 (1.0.0)
    package15210 (1.0.0)
    package15211 (1.0.0)
    package15212 (1.0.0)
    package15213 (1.0.0)
    package15214 (1.0.0)
    package15215 (1.0.0)
    package15216 (1.0.0)
    package15217 (1.0.0)
    package15218 (1.0.0)
    package15219 (1.0.0)
    package15220 (1.0.0)
    package15221 (1.0.0)
    package15222 (1.0.0)
    package15223 (1.0.0)
    package15224 (1.0.0)
    package15225 (1.0.0)
    package15226 (1.0.0)
    package15227 (1.0.0)
    package15228 (1.0.0)
    package15229 (1.0.0)
    package15230 (1.0.0)
    package15231 (1.0.0)
    package15232 (1.0.0)
    package15233 (1.0.0)
    package15234 (1.0.0)
    package15235 (1.0.0)
    package15236 (1.0.0)
    package15237 (1.0.0)
    package15238 (1.0.0)
    package15239 (1.0.0)
    package15240 (1.0.0)
    package15241 (1.0.0)
    package15242 (1.0.0)
    package15243 (1.0.0)
    package15244 (1.0.0)
    package15245 (1.0.0)
    package15246 (1.0.0)
    package15247 (1.0.0)
    package15248 (1.0.0)
    package15249 (1.0.0)
    package15250 (1.0.0)
    package15251 (1.0.0)
    package15252 (1.0.0)
    package15253 (1.0.0)
    package15254 (1.0.0)
    package15255 (1.0.0)
    package15256 (1.0.0)
    package15257 (1.0.0)
    package15258 (1.0.0)
    package15259 (1.0.0)
    package15260 (1.0.0)
    package15261 (1.0.0)
    package15262 (1.0.0)
    package15263 (1.0.0)
    package15264 (1.0.0)
    package15265 (1.0.0)
    package15266 (1.0.0)
    package15267 (1.0.0)
    package15268 (1.0.0)
    package15269 (1.0.0)
    package15270 (1.0.0)
    package15271 (1.0.0)
    package15272 (1.0.0)
    package15273 (1.0.0)
    package15274 (1.0.0)
    package15275 (1.0.0)
    package15276 (1.0.0)
    package15277 (1.0.0)
    package15278 (1.0.0)
    package15279 (1.0.0)
    package15280 (1.0.0)
    package15281 (1.0.0)
    package15282 (1.0.0)
    package15283 (1.0.0)
    package15284 (1.0.0)
    package15285 (1.0.0)
    package15286 (1.0.0)
    package15287 (1.0.0)
    package15288 (1.0.0)
    package15289 (1.0.0)
    package15290 (1.0.0)
    package15291 (1.0.0)
    package15292 (1.0.0)
    package15293 (1.0.0)
    package15294 (1.0.0)
    package15295 (1.0.0)
    package15296 (1.0.0)
    package15297 (1.0.0)
    package15298 (1.0.0)
    package15299 (1.0.0)
    package15300 (1.0.0)
    package15301 (1.0.0)
    package15302 (1.0.0)
    package15303 (1.0.0)
    package15304 (1.0.0)
    package15305 (1.0.0)
    package15306 (1.0.0)
    package15307 (1.0.0)
    package15308 (1.0.0)
    package15309 (1.0.0)
    package15310 (1.0.0)
    package15311 (1.0.0)
    package15312 (1.0.0)
    package15313 (1.0.0)
    package15314 (1.0.0)
    package15315 (1.0.0)
    package15316 (1.0.0)
    package15317 (1.0.0)
    package15318 (1.0.0)
    package15319 (1.0.0)
    package15320 (1.0.0)
    package15321 (1.0.0)
    package15322 (1.0.0)
    package15323 (1.0.0)
    package15324 (1.0.0)
    package15325 (1.0.0)
    package15326 (1.0.0)
    package15327 (1.0.0)
    package15328 (1.0.0)
    package15329 (1.0.0)
    package15330 (1.0.0)
    package15331 (1.0.0)
    package15332 (1.0.0)
    package15333 (1.0.0)
    package15334 (1.0.0)
    package15335 (1.0.0)
    package15336 (1.0.0)
    package15337 (1.0.0)
    package15338 (1.0.0)
    package15339 (1.0.0)
    package15340 (1.0.0)
    package15341 (1.0.0)
    package15342 (1.0.0)
    package15343 (1.0.0)
    package15344 (1.0.0)
    package15345 (1.0.0)
    package15346 (1.0.0)
    package15347 (1.0.0)
    package15348 (1.0.0)
    package15349 (1.0.0)
    package15350 (1.0.0)
    package15351 (1.0.0)
    package15352 (1.0.0)
    package15353 (1.0.0)
    package15354 (1.0.0)
    package15355 (1.0.0)
    package15356 (1.0.0)
    package15357 (1.0.0)
    package15358 (1.0.0)
    package15359 (1.0.0)
    package15360 (1.0.0)
    package15361 (1.0.0)
    package15362 (1.0.0)
    package15363 (1.0.0)
    package15364 (1.0.0)
    package15365 (1.0.0)
    package15366 (1.0.0)
    package15367 (1.0.0)
    package15368 (1.0.0)
    package15369 (1.0.0)
    package15370 (1.0.0)
    package15371 (1.0.0)
    package15372 (1.0.0)
    package15373 (1.0.0)
    package15374 (1.0.0)
    package15375 (1.0.0)
    package15376 (1.0.0)
    package15377 (1.0.0)
    package15378 (1.0.0)
    package15379 (1.0.0)
    package15380 (1.0.0)
    package15381 (1.0.0)
    package15382 (1.0.0)
    package15383 (1.0.0)
    package15384 (1.0.0)
    package15385 (1.0.0)
    package15386 (1.0.0)
    package15387 (1.0.0)
    package15388 (1.0.0)
    package15389 (1.0.0)
    package15390 (1.0.0)
    package15391 (1.0.0)
    package15392 (1.0.0)
    package15393 (1.0.0)
    package15394 (1.0.0)
    package15395 (1.0.0)
    package15396 (1.0.0)
    package15397 (1.0.0)
    package15398 (1.0.0)
    package15399 (1.0.0)
    package15400 (1.0.0)
    package15401 (1.0.0)
    package15402 (1.0.0)
    package15403 (1.0.0)
    package15404 (1.0.0)
    package15405 (1.0.0)
    package15406 (1.0.0)
    package15407 (1.0.0)
    package15408 (1.0.0)
    package15409 (1.0.0)
    package15410 (1.0.0)
    package15411 (1.0.0)
    package15412 (1.0.0)
    package15413 (1.0.0)
    package15414 (1.0.0)
    package15415 (1.0.0)
    package15416 (1.0.0)
    package15417 (1.0.0)
    package15418 (1.0.0)
    package15419 (1.0.0)
    package15420 (1.0.0)
    package15421 (1.0.0)
    package15422 (1.0.0)
    package15423 (1.0.0)
    package15424 (1.0.0)
    package15425 (1.0.0)
    package15426 (1.0.0)
    package15427 (1.0.0)
    package15428 (1.0.0)
    package15429 (1.0.0)
    package15430 (1.0.0)
    package15431 (1.0.0)
    package15432 (1.0.0)
    package15433 (1.0.0)
    package15434 (1.0.0)
    package15435 (1.0.0)
    package15436 (1.0.0)
    package15437 (1.0.0)
    package15438 (1.0.0)
    package15439 (1.0.0)
    package15440 (1.0.0)
    package15441 (1.0.0)
    package15442 (1.0.0)
    package15443 (1.0.0)
    package15444 (1.0.0)
    package15445 (1.0.0)
    package15446 (1.0.0)
    package15447 (1.0.0)
    package15448 (1.0.0)
    package15449 (1.0.0)
    package15450 (1.0.0)
    package15451 (1.0.0)
    package15452 (1.0.0)
    package15453 (1.0.0)
    package15454 (1.0.0)
    package15455 (1.0.0)
    package15456 (1.0.0)
    package15457 (1.0.0)
    package15458 (1.0.0)
    package15459 (1.0.0)
    package15460 (1.0.0)
    package15461 (1.0.0)
    package15462 (1.0.0)
    package15463 (1.0.0)
    package15464 (1.0.0)
    package15465 (1.0.0)
    package15466 (1.0.0)
    package15467 (1.0.0)
    package15468 (1.0.0)
    package15469 (1.0.0)
    package15470 (1.0.0)
    package15471 (1.0.0)
    package15472 (1.0.0)
    package15473 (1.0.0)
    package15474 (1.0.0)
    package15475 (1.0.0)
    package15476 (1.0.0)
    package15477 (1.0.0)
    package15478 (1.0.0)
    package15479 (1.0.0)
    package15480 (1.0.0)
    package15481 (1.0.0)
    package15482 (1.0.0)
    package15483 (1.0.0)
    package15484 (1.0.0)
    package15485 (1.0.0)
    package15486 (1.0.0)
    package15487 (1.0.0)
    package15488 (1.0.0)
    package15489 (1.0.0)
    package15490 (1.0.0)
    package15491 (1.0.0)
    package15492 (1.0.0)
    package15493 (1.0.0)
    package15494 (1.0.0)
    package15495 (1.0.0)
    package15496 (1.0.0)
    package15497 (1.0.0)
    package15498 (1.0.0)
    package15499 (1.0.0)
    package15500 (1.0.0)
    package15501 (1.0.0)
    package15502 (1.0.0)
    package15503 (1.0.0)
    package15504 (1.0.0)
    package15505 (1.0.0)
    package15506 (1.0.0)
    package15507 (1.0.0)
    package15508 (1.0.0)
    package15509 (1.0.0)
    package15510 (1.0.0)
    package15511 (1.0.0)
    package15512 (1.0.0)
    package15513 (1.0.0)
    package15514 (1.0.0)
    package15515 (1.0.0)
    package15516 (1.0.0)
    package15517 (1.0.0)
    package15518 (1.0.0)
    package15519 (1.0.0)
    package15520 (1.0.0)
    package15521 (1.0.0)
    package15522 (1.0.0)
    package15523 (1.0.0)
    package15524 (1.0.0)
    package15525 (1.0.0)
    package15526 (1.0.0)
    package15527 (1.0.0)
    package15528 (1.0.0)
    package15529 (1.0.0)
    package15530 (1.0.0)
    package15531 (1.0.0)
    package15532 (1.0.0)
    package15533 (1.0.0)
    package15534 (1.0.0)
    package15535 (1.0.0)
    package15536 (1.0.0)
    package15537 (1.0.0)
    package15538 (1.0.0)
    package15539 (1.0.0)
    package15540 (1.0.0)
    package15541 (1.0.0)
    package15542 (1.0.0)
    package15543 (1.0.0)
    package15544 (1.0.0)
    package15545 (1.0.0)
    package15546 (1.0.0)
    package15547 (1.0.0)
    package15548 (1.0.0)
    package15549 (1.0.0)
    package15550 (1.0.0)
    package15551 (1.0.0)
    package15552 (1.0.0)
    package15553 (1.0.0)
    package15554 (1.0.0)
    package15555 (1.0.0)
    package15556 (1.0.0)
    package15557 (1.0.0)
    package15558 (1.0.0)
    package15559 (1.0.0)
    package15560 (1.0.0)
    package15561 (1.0.0)
    package15562 (1.0.0)
    package15563 (1.0.0)
    package15564 (1.0.0)
    package15565 (1.0.0)
    package15566 (1.0.0)
    package15567 (1.0.0)
    package15568 (1.0.0)
    package15569 (1.0.0)
    package15570 (1.0.0)
    package15571 (1.0.0)
    package15572 (1.0.0)
    package15573 (1.0.0)
    package15574 (1.0.0)
    package15575 (1.0.0)
    package15576 (1.0.0)
    package15577 (1.0.0)
    package15578 (1.0.0)
    package15579 (1.0.0)
    package15580 (1.0.0)
    package15581 (1.0.0)
    package15582 (1.0.0)
    package15583 (1.0.0)
    package15584 (1.0.0)
    package15585 (1.0.0)
    package15586 (1.0.0)
    package15587 (1.0.0)
    package15588 (1.0.0)
    package15589 (1.0.0)
    package15590 (1.0.0)
    package15591 (1.0.0)
    package15592 (1.0.0)
    package15593 (1.0.0)
    package15594 (1.0.0)
    package15595 (1.0.0)
    package15596 (1.0.0)
    package15597 (1.0.0)
    package15598 (1.0.0)
    package15599 (1.0.0)
    package15600 (1.0.0)
    package15601 (1.0.0)
    package15602 (1.0.0)
    package15603 (1.0.0)
    package15604 (1.0.0)
    package15605 (1.0.0)
    package15606 (1.0.0)
    package15607 (1.0.0)
    package15608 (1.0.0)
    package15609 (1.0.0)
    package15610 (1.0.0)
    package15611 (1.0.0)
    package15612 (1.0.0)
    package15613 (1.0.0)
    package15614 (1.0.0)
    package15615 (1.0.0)
    package15616 (1.0.0)
    package15617 (1.0.0)
    package15618 (1.0.0)
    package15619 (1.0.0)
    package15620 (1.0.0)
    package15621 (1.0.0)
    package15622 (1.0.0)
    package15623 (1.0.0)
    package15624 (1.0.0)
    package15625 (1.0.0)
    package15626 (1.0.0)
    package15627 (1.0.0)
    package15628 (1.0.0)
    package15629 (1.0.0)
    package15630 (1.0.0)
    package15631 (1.0.0)
    package15632 (1.0.0)
    package15633 (1.0.0)
    package15634 (1.0.0)
    package15635 (1.0.0)
    package15636 (1.0.0)
    package15637 (1.0.0)
    package15638 (1.0.0)
    package15639 (1.0.0)
    package15640 (1.0.0)
    package15641 (1.0.0)
    package15642 (1.0.0)
    package15643 (1.0.0)
    package15644 (1.0.0)
    package15645 (1.0.0)
    package15646 (1.0.0)
    package15647 (1.0.0)
    package15648 (1.0.0)
    package15649 (1.0.0)
    package15650 (1.0.0)
    package15651 (1.0.0)
    package15652 (1.0.0)
    package15653 (1.0.0)
    package15654 (1.0.0)
    package15655 (1.0.0)
    package15656 (1.0.0)
    package15657 (1.0.0)
    package15658 (1.0.0)
    package15659 (1.0.0)
    package15660 (1.0.0)
    package15661 (1.0.0)
    package15662 (1.0.0)
    package15663 (1.0.0)
    package15664 (1.0.0)
    package15665 (1.0.0)
    package15666 (1.0.0)
    package15667 (1.0.0)
    package15668 (1.0.0)
    package15669 (1.0.0)
    package15670 (1.0.0)
    package15671 (1.0.0)
    package15672 (1.0.0)
    package15673 (1.0.0)
    package15674 (1.0.0)
    package15675 (1.0.0)
    package15676 (1.0.0)
    package15677 (1.0.0)
    package15678 (1.0.0)
    package15679 (1.0.0)
    package15680 (1.0.0)
    package15681 (1.0.0)
    package15682 (1.0.0)
    package15683 (1.0.0)
    package15684 (1.0.0)
    package15685 (1.0.0)
    package15686 (1.0.0)
    package15687 (1.0.0)
    package15688 (1.0.0)
    package15689 (1.0.0)
    package15690 (1.0.0)
    package15691 (1.0.0)
    package15692 (1.0.0)
    package15693 (1.0.0)
    package15694 (1.0.0)
    package15695 (1.0.0)
    package15696 (1.0.0)
    package15697 (1.0.0)
    package15698 (1.0.0)
    package15699 (1.0.0)
    package15700 (1.0.0)
    package15701 (1.0.0)
    package15702 (1.0.0)
    package15703 (1.0.0)
    package15704 (1.0.0)
    package15705 (1.0.0)
    package15706 (1.0.0)
    package15707 (1.0.0)
    package15708 (1.0.0)
    package15709 (1.0.0)
    package15710 (1.0.0)
    package15711 (1.0.0)
    package15712 (1.0.0)
    package15713 (1.0.0)
    package15714 (1.0.0)
    package15715 (1.0.0)
    package15716 (1.0.0)
    package15717 (1.0.0)
    package15718 (1.0.0)
    package15719 (1.0.0)
    package15720 (1.0.0)
    package15721 (1.0.0)
    package15722 (1.0.0)
    package15723 (1.0.0)
    package15724 (1.0.0)
    package15725 (1.0.0)
    package15726 (1.0.0)
    package15727 (1.0.0)
    package15728 (1.0.0)
    package15729 (1.0.0)
    package15730 (1.0.0)
    package15731 (1.0.0)
    package15732 (1.0.0)
    package15733 (1.0.0)
    package15734 (1.0.0)
    package15735 (1.0.0)
    package15736 (1.0.0)
    package15737 (1.0.0)
    package15738 (1.0.0)
    package15739 (1.0.0)
    package15740 (1.0.0)
    package15741 (1.0.0)
    package15742 (1.0.0)
    package15743 (1.0.0)
    package15744 (1.0.0)
    package15745 (1.0.0)
    package15746 (1.0.0)
    package15747 (1.0.0)
    package15748 (1.0.0)
    package15749 (1.0.0)
    package15750 (1.0.0)
    package15751 (1.0.0)
    package15752 (1.0.0)
    package15753 (1.0.0)
    package15754 (1.0.0)
    package15755 (1.0.0)
    package15756 (1.0.0)
    package15757 (1.0.0)
    package15758 (1.0.0)
    package15759 (1.0.0)
    package15760 (1.0.0)
    package15761 (1.0.0)
    package15762 (1.0.0)
    package15763 (1.0.0)
    package15764 (1.0.0)
    package15765 (1.0.0)
    package15766 (1.0.0)
    package15767 (1.0.0)
    package15768 (1.0.0)
    package15769 (1.0.0)
    package15770 (1.0.0)
    package15771 (1.0.0)
    package15772 (1.0.0)
    package15773 (1.0.0)
    package15774 (1.0.0)
    package15775 (1.0.0)
    package15776 (1.0.0)
    package15777 (1.0.0)
    package15778 (1.0.0)
    package15779 (1.0.0)
    package15780 (1.0.0)
    package15781 (1.0.0)
    package15782 (1.0.0)
    package15783 (1.0.0)
    package15784 (1.0.0)
    package15785 (1.0.0)
    package15786 (1.0.0)
    package15787 (1.0.0)
    package15788 (1.0.0)
    package15789 (1.0.0)
    package15790 (1.0.0)
    package15791 (1.0.0)
    package15792 (1.0.0)
    package15793 (1.0.0)
    package15794 (1.0.0)
    package15795 (1.0.0)
    package15796 (1.0.0)
    package15797 (1.0.0)
    package15798 (1.0.0)
    package15799 (1.0.0)
    package15800 (1.0.0)
    package15801 (1.0.0)
    package15802 (1.0.0)
    package15803 (1.0.0)
    package15804 (1.0.0)
    package15805 (1.0.0)
    package15806 (1.0.0)
    package15807 (1.0.0)
    package15808 (1.0.0)
    package15809 (1.0.0)
    package15810 (1.0.0)
    package15811 (1.0.0)
    package15812 (1.0.0)
    package15813 (1.0.0)
    package15814 (1.0.0)
    package15815 (1.0.0)
    package15816 (1.0.0)
    package15817 (1.0.0)
    package15818 (1.0.0)
    package15819 (1.0.0)
    package15820 (1.0.0)
    package15821 (1.0.0)
    package15822 (1.0.0)
    package15823 (1.0.0)
    package15824 (1.0.0)
    package15825 (1.0.0)
    package15826 (1.0.0)
    package15827 (1.0.0)
    package15828 (1.0.0)
    package15829 (1.0.0)
    package15830 (1.0.0)
    package15831 (1.0.0)
    package15832 (1.0.0)
    package15833 (1.0.0)
    package15834 (1.0.0)
    package15835 (1.0.0)
    package15836 (1.0.0)
    package15837 (1.0.0)
    package15838 (1.0.0)
    package15839 (1.0.0)
    package15840 (1.0.0)
    package15841 (1.0.0)
    package15842 (1.0.0)
    package15843 (1.0.0)
    package15844 (1.0.0)
    package15845 (1.0.0)
    package15846 (1.0.0)
    package15847 (1.0.0)
    package15848 (1.0.0)
    package15849 (1.0.0)
    package15850 (1.0.0)
    package15851 (1.0.0)
    package15852 (1.0.0)
    package15853 (1.0.0)
    package15854 (1.0.0)
    package15855 (1.0.0)
    package15856 (1.0.0)
    package15857 (1.0.0)
    package15858 (1.0.0)
    package15859 (1.0.0)
    package15860 (1.0.0)
    package15861 (1.0.0)
    package15862 (1.0.0)
    package15863 (1.0.0)
    package15864 (1.0.0)
    package15865 (1.0.0)
    package15866 (1.0.0)
    package15867 (1.0.0)
    package15868 (1.0.0)
    package15869 (1.0.0)
    package15870 (1.0.0)
    package15871 (1.0.0)
    package15872 (1.0.0)
    package15873 (1.0.0)
    package15874 (1.0.0)
    package15875 (1.0.0)
    package15876 (1.0.0)
    package15877 (1.0.0)
    package15878 (1.0.0)
    package15879 (1.0.0)
    package15880 (1.0.0)
    package15881 (1.0.0)
    package15882 (1.0.0)
    package15883 (1.0.0)
    package15884 (1.0.0)
    package15885 (1.0.0)
    package15886 (1.0.0)
    package15887 (1.0.0)
    package15888 (1.0.0)
    package15889 (1.0.0)
    package15890 (1.0.0)
    package15891 (1.0.0)
    package15892 (1.0.0)
    package15893 (1.0.0)
    package15894 (1.0.0)
    package15895 (1.0.0)
    package15896 (1.0.0)
    package15897 (1.0.0)
    package15898 (1.0.0)
    package15899 (1.0.0)
    package15900 (1.0.0)
    package15901 (1.0.0)
    package15902 (1.0.0)
    package15903 (1.0.0)
    package15904 (1.0.0)
    package15905 (1.0.0)
    package15906 (1.0.0)
    package15907 (1.0.0)
    package15908 (1.0.0)
    package15909 (1.0.0)
    package15910 (1.0.0)
    package15911 (1.0.0)
    package15912 (1.0.0)
    package15913 (1.0.0)
    package15914 (1.0.0)
    package15915 (1.0.0)
    package15916 (1.0.0)
    package15917 (1.0.0)
    package15918 (1.0.0)
    package15919 (1.0.0)
    package15920 (1.0.0)
    package15921 (1.0.0)
    package15922 (1.0.0)
    package15923 (1.0.0)
    package15924 (1.0.0)
    package15925 (1.0.0)
    package15926 (1.0.0)
    package15927 (1.0.0)
    package15928 (1.0.0)
    package15929 (1.0.0)
    package15930 (1.0.0)
    package15931 (1.0.0)
    package15932 (1.0.0)
    package15933 (1.0.0)
    package15934 (1.0.0)
    package15935 (1.0.0)
    package15936 (1.0.0)
    package15937 (1.0.0)
    package15938 (1.0.0)
    package15939 (1.0.0)
    package15940 (1.0.0)
    package15941 (1.0.0)
    package15942 (1.0.0)
    package15943 (1.0.0)
    package15944 (1.0.0)
    package15945 (1.0.0)
    package15946 (1.0.0)
    package15947 (1.0.0)
    package15948 (1.0.0)
    package15949 (1.0.0)
    package15950 (1.0.0)
    package15951 (1.0.0)
    package15952 (1.0.0)
    package15953 (1.0.0)
    package15954 (1.0.0)
    package15955 (1.0.0)
    package15956 (1.0.0)
    package15957 (1.0.0)
    package15958 (1.0.0)
    package15959 (1.0.0)
    package15960 (1.0.0)
    package15961 (1.0.0)
    package15962 (1.0.0)
    package15963 (1.0.0)
    package15964 (1.0.0)
    package15965 (1.0.0)
    package15966 (1.0.0)
    package15967 (1.0.0)
    package15968 (1.0.0)
    package15969 (1.0.0)
    package15970 (1.0.0)
    package15971 (1.0.0)
    package15972 (1.0.0)
    package15973 (1.0.0)
    package15974 (1.0.0)
    package15975 (1.0.0)
    package15976 (1.0.0)
    package15977 (1.0.0)
    package15978 (1.0.0)
    package15979 (1.0.0)
    package15980 (1.0.0)
    package15981 (1.0.0)
    package15982 (1.0.0)
    package15983 (1.0.0)
    package15984 (1.0.0)
    package15985 (1.0.0)
    package15986 (1.0.0)
    package15987 (1.0.0)
    package15988 (1.0.0)
    package15989 (1.0.0)
    package15990 (1.0.0)
    package15991 (1.0.0)
    package15992 (1.0.0)
    package15993 (1.0.0)
    package15994 (1.0.0)
    package15995 (1.0.0)
    package15996 (1.0.0)
    package15997 (1.0.0)
    package15998 (1.0.0)
    package15999 (1.0.0)
    package16000 (1.0.0)
    package16001 (1.0.0)
    package16002 (1.0.0)
    package16003 (1.0.0)
    package16004 (1.0.0)
    package16005 (1.0.0)
    package16006 (1.0.0)
    package16007 (1.0.0)
    package16008 (1.0.0)
    package16009 (1.0.0)
    package16010 (1.0.0)
    package16011 (1.0.0)
    package16012 (1.0.0)
    package16013 (1.0.0)
    package16014 (1.0.0)
    package16015 (1.0.0)
    package16016 (1.0.0)
    package16017 (1.0.0)
    package16018 (1.0.0)
    package16019 (1.0.0)
    package16020 (1.0.0)
    package16021 (1.0.0)
    package16022 (1.0.0)
    package16023 (1.0.0)
    package16024 (1.0.0)
    package16025 (1.0.0)
    package16026 (1.0.0)
    package16027 (1.0.0)
    package16028 (1.0.0)
    package16029 (1.0.0)
    package16030 (1.0.0)
    package16031 (1.0.0)
    package16032 (1.0.0)
    package16033 (1.0.0)
    package16034 (1.0.0)
    package16035 (1.0.0)
    package16036 (1.0.0)
    package16037 (1.0.0)
    package16038 (1.0.0)
    package16039 (1.0.0)
    package16040 (1.0.0)
    package16041 (1.0.0)
    package16042 (1.0.0)
    package16043 (1.0.0)
    package16044 (1.0.0)
    package16045 (1.0.0)
    package16046 (1.0.0)
    package16047 (1.0.0)
    package16048 (1.0.0)
    package16049 (1.0.0)
    package16050 (1.0.0)
    package16051 (1.0.0)
    package16052 (1.0.0)
    package16053 (1.0.0)
    package16054 (1.0.0)
    package16055 (1.0.0)
    package16056 (1.0.0)
    package16057 (1.0.0)
    package16058 (1.0.0)
    package16059 (1.0.0)
    package16060 (1.0.0)
    package16061 (1.0.0)
    package16062 (1.0.0)
    package16063 (1.0.0)
    package16064 (1.0.0)
    package16065 (1.0.0)
    package16066 (1.0.0)
    package16067 (1.0.0)
    package16068 (1.0.0)
    package16069 (1.0.0)
    package16070 (1.0.0)
    package16071 (1.0.0)
    package16072 (1.0.0)
    package16073 (1.0.0)
    package16074 (1.0.0)
    package16075 (1.0.0)
    package16076 (1.0.0)
    package16077 (1.0.0)
    package16078 (1.0.0)
    package16079 (1.0.0)
    package16080 (1.0.0)
    package16081 (1.0.0)
    package16082 (1.0.0)
    package16083 (1.0.0)
    package16084 (1.0.0)
    package16085 (1.0.0)
    package16086 (1.0.0)
    package16087 (1.0.0)
    package16088 (1.0.0)
    package16089 (1.0.0)
    package16090 (1.0.0)
    package16091 (1.0.0)
    package16092 (1.0.0)
    package16093 (1.0.0)
    package16094 (1.0.0)
    package16095 (1.0.0)
    package16096 (1.0.0)
    package16097 (1.0.0)
    package16098 (1.0.0)
    package16099 (1.0.0)
    package16100 (1.0.0)
    package16101 (1.0.0)
    package16102 (1.0.0)
    package16103 (1.0.0)
    package16104 (1.0.0)
    package16105 (1.0.0)
    package16106 (1.0.0)
    package16107 (1.0.0)
    package16108 (1.0.0)
    package16109 (1.0.0)
    package16110 (1.0.0)
    package16111 (1.0.0)
    package16112 (1.0.0)
    package16113 (1.0.0)
    package16114 (1.0.0)
    package16115 (1.0.0)
    package16116 (1.0.0)
    package16117 (1.0.0)
    package16118 (1.0.0)
    package16119 (1.0.0)
    package16120 (1.0.0)
    package16121 (1.0.0)
    package16122 (1.0.0)
    package16123 (1.0.0)
    package16124 (1.0.0)
    package16125 (1.0.0)
    package16126 (1.0.0)
    package16127 (1.0.0)
    package16128 (1.0.0)
    package16129 (1.0.0)
    package16130 (1.0.0)
    package16131 (1.0.0)
    package16132 (1.0.0)
    package16133 (1.0.0)
    package16134 (1.0.0)
    package16135 (1.0.0)
    package16136 (1.0.0)
    package16137 (1.0.0)
    package16138 (1.0.0)
    package16139 (1.0.0)
    package16140 (1.0.0)
    package16141 (1.0.0)
    package16142 (1.0.0)
    package16143 (1.0.0)
    package16144 (1.0.0)
    package16145 (1.0.0)
    package16146 (1.0.0)
    package16147 (1.0.0)
    package16148 (1.0.0)
    package16149 (1.0.0)
    package16150 (1.0.0)
    package16151 (1.0.0)
    package16152 (1.0.0)
    package16153 (1.0.0)
    package16154 (1.0.0)
    package16155 (1.0.0)
    package16156 (1.0.0)
    package16157 (1.0.0)
    package16158 (1.0.0)
    package16159 (1.0.0)
    package16160 (1.0.0)
    package16161 (1.0.0)
    package16162 (1.0.0)
    package16163 (1.0.0)
    package16164 (1.0.0)
    package16165 (1.0.0)
    package16166 (1.0.0)
    package16167 (1.0.0)
    package16168 (1.0.0)
    package16169 (1.0.0)
    package16170 (1.0.0)
    package16171 (1.0.0)
    package16172 (1.0.0)
    package16173 (1.0.0)
    package16174 (1.0.0)
    package16175 (1.0.0)
    package16176 (1.0.0)
    package16177 (1.0.0)
    package16178 (1.0.0)
    package16179 (1.0.0)
    package16180 (1.0.0)
    package16181 (1.0.0)
    package16182 (1.0.0)
    package16183 (1.0.0)
    package16184 (1.0.0)
    package16185 (1.0.0)
    package16186 (1.0.0)
    package16187 (1.0.0)
    package16188 (1.0.0)
    package16189 (1.0.0)
    package16190 (1.0.0)
    package16191 (1.0.0)
    package16192 (1.0.0)
    package16193 (1.0.0)
    package16194 (1.0.0)
    package16195 (1.0.0)
    package16196 (1.0.0)
    package16197 (1.0.0)
    package16198 (1.0.0)
    package16199 (1.0.0)
    package16200 (1.0.0)
    package16201 (1.0.0)
    package16202 (1.0.0)
    package16203 (1.0.0)
    package16204 (1.0.0)
    package16205 (1.0.0)
    package16206 (1.0.0)
    package16207 (1.0.0)
    package16208 (1.0.0)
    package16209 (1.0.0)
    package16210 (1.0.0)
    package16211 (1.0.0)
    package16212 (1.0.0)
    package16213 (1.0.0)
    package16214 (1.0.0)
    package16215 (1.0.0)
    package16216 (1.0.0)
    package16217 (1.0.0)
    package16218 (1.0.0)
    package16219 (1.0.0)
    package16220 (1.0.0)
    package16221 (1.0.0)
    package16222 (1.0.0)
    package16223 (1.0.0)
    package16224 (1.0.0)
    package16225 (1.0.0)
    package16226 (1.0.0)
    package16227 (1.0.0)
    package16228 (1.0.0)
    package16229 (1.0.0)
    package16230 (1.0.0)
    package16231 (1.0.0)
    package16232 (1.0.0)
    package16233 (1.0.0)
    package16234 (1.0.0)
    package16235 (1.0.0)
    package16236 (1.0.0)
    package16237 (1.0.0)
    package16238 (1.0.0)
    package16239 (1.0.0)
    package16240 (1.0.0)
    package16241 (1.0.0)
    package16242 (1.0.0)
    package16243 (1.0.0)
    package16244 (1.0.0)
    package16245 (1.0.0)
    package16246 (1.0.0)
    package16247 (1.0.0)
    package16248 (1.0.0)
    package16249 (1.0.0)
    package16250 (1.0.0)
    package16251 (1.0.0)
    package16252 (1.0.0)
    package16253 (1.0.0)
    package16254 (1.0.0)
    package16255 (1.0.0)
    package16256 (1.0.0)
    package16257 (1.0.0)
    package16258 (1.0.0)
    package16259 (1.0.0)
    package16260 (1.0.0)
    package16261 (1.0.0)
    package16262 (1.0.0)
    package16263 (1.0.0)
    package16264 (1.0.0)
    package16265 (1.0.0)
    package16266 (1.0.0)
    package16267 (1.0.0)
    package16268 (1.0.0)
    package16269 (1.0.0)
    package16270 (1.0.0)
    package16271 (1.0.0)
    package16272 (1.0.0)
    package16273 (1.0.0)
    package16274 (1.0.0)
    package16275 (1.0.0)
    package16276 (1.0.0)
    package16277 (1.0.0)
    package16278 (1.0.0)
    package16279 (1.0.0)
    package16280 (1.0.0)
    package16281 (1.0.0)
    package16282 (1.0.0)
    package16283 (1.0.0)
    package16284 (1.0.0)
    package16285 (1.0.0)
    package16286 (1.0.0)
    package16287 (1.0.0)
    package16288 (1.0.0)
    package16289 (1.0.0)
    package16290 (1.0.0)
    package16291 (1.0.0)
    package16292 (1.0.0)
    package16293 (1.0.0)
    package16294 (1.0.0)
    package16295 (1.0.0)
    package16296 (1.0.0)
    package16297 (1.0.0)
    package16298 (1.0.0)
    package16299 (1.0.0)
    package16300 (1.0.0)
    package16301 (1.0.0)
    package16302 (1.0.0)
    package16303 (1.0.0)
    package16304 (1.0.0)
    package16305 (1.0.0)
    package16306 (1.0.0)
    package16307 (1.0.0)
    package16308 (1.0.0)
    package16309 (1.0.0)
    package16310 (1.0.0)
    package16311 (1.0.0)
    package16312 (1.0.0)
    package16313 (1.0.0)
    package16314 (1.0.0)
    package16315 (1.0.0)
    package16316 (1.0.0)
    package16317 (1.0.0)
    package16318 (1.0.0)
    package16319 (1.0.0)
    package16320 (1.0.0)
    package16321 (1.0.0)
    package16322 (1.0.0)
    package16323 (1.0.0)
    package16324 (1.0.0)
    package16325 (1.0.0)
    package16326 (1.0.0)
    package16327 (1.0.0)
    package16328 (1.0.0)
    package16329 (1.0.0)
    package16330 (1.0.0)
    package16331 (1.0.0)
    package16332 (1.0.0)
    package16333 (1.0.0)
    package16334 (1.0.0)
    package16335 (1.0.0)
    package16336 (1.0.0)
    package16337 (1.0.0)
    package16338 (1.0.0)
    package16339 (1.0.0)
    package16340 (1.0.0)
    package16341 (1.0.0)
    package16342 (1.0.0)
    package16343 (1.0.0)
    package16344 (1.0.0)
    package16345 (1.0.0)
    package16346 (1.0.0)
    package16347 (1.0.0)
    package16348 (1.0.0)
    package16349 (1.0.0)
    package16350 (1.0.0)
    package16351 (1.0.0)
    package16352 (1.0.0)
    package16353 (1.0.0)
    package16354 (1.0.0)
    package16355 (1.0.0)
    package16356 (1.0.0)
    package16357 (1.0.0)
    package16358 (1.0.0)
    package16359 (1.0.0)
    package16360 (1.0.0)
    package16361 (1.0.0)
    package16362 (1.0.0)
    package16363 (1.0.0)
    package16364 (1.0.0)
    package16365 (1.0.0)
    package16366 (1.0.0)
    package16367 (1.0.0)
    package16368 (1.0.0)
    package16369 (1.0.0)
    package16370 (1.0.0)
    package16371 (1.0.0)
    package16372 (1.0.0)
    package16373 (1.0.0)
    package16374 (1.0.0)
    package16375 (1.0.0)
    package16376 (1.0.0)
    package16377 (1.0.0)
    package16378 (1.0.0)
    package16379 (1.0.0)
    package16380 (1.0.0)
    package16381 (1.0.0)
    package16382 (1.0.0)
    package16383 (1.0.0)
    package16384 (1.0.0)
    package16385 (1.0.0)
    package16386 (1.0.0)
    package16387 (1.0.0)
    package16388 (1.0.0)
    package16389 (1.0.0)
    package16390 (1.0.0)
    package16391 (1.0.0)
    package16392 (1.0.0)
    package16393 (1.0.0)
    package16394 (1.0.0)
    package16395 (1.0.0)
    package16396 (1.0.0)
    package16397 (1.0.0)
    package16398 (1.0.0)
    package16399 (1.0.0)
    package16400 (1.0.0)
    package16401 (1.0.0)
    package16402 (1.0.0)
    package16403 (1.0.0)
    package16404 (1.0.0)
    package16405 (1.0.0)
    package16406 (1.0.0)
    package16407 (1.0.0)
    package16408 (1.0.0)
    package16409 (1.0.0)
    package16410 (1.0.0)
    package16411 (1.0.0)
    package16412 (1.0.0)
    package16413 (1.0.0)
    package16414 (1.0.0)
    package16415 (1.0.0)
    package16416 (1.0.0)
    package16417 (1.0.0)
    package16418 (1.0.0)
    package16419 (1.0.0)
    package16420 (1.0.0)
    package16421 (1.0.0)
    package16422 (1.0.0)
    package16423 (1.0.0)
    package16424 (1.0.0)
    package16425 (1.0.0)
    package16426 (1.0.0)
    package16427 (1.0.0)
    package16428 (1.0.0)
    package16429 (1.0.0)
    package16430 (1.0.0)
    package16431 (1.0.0)
    package16432 (1.0.0)
    package16433 (1.0.0)
    package16434 (1.0.0)
    package16435 (1.0.0)
    package16436 (1.0.0)
    package16437 (1.0.0)
    package16438 (1.0.0)
    package16439 (1.0.0)
    package16440 (1.0.0)
    package16441 (1.0.0)
    package16442 (1.0.0)
    package16443 (1.0.0)
    package16444 (1.0.0)
    package16445 (1.0.0)
    package16446 (1.0.0)
    package16447 (1.0.0)
    package16448 (1.0.0)
    package16449 (1.0.0)
    package16450 (1.0.0)
    package16451 (1.0.0)
    package16452 (1.0.0)
    package16453 (1.0.0)
    package16454 (1.0.0)
    package16455 (1.0.0)
    package16456 (1.0.0)
    package16457 (1.0.0)
    package16458 (1.0.0)
    package16459 (1.0.0)
    package16460 (1.0.0)
    package16461 (1.0.0)
    package16462 (1.0.0)
    package16463 (1.0.0)
    package16464 (1.0.0)
    package16465 (1.0.0)
    package16466 (1.0.0)
    package16467 (1.0.0)
    package16468 (1.0.0)
    package16469 (1.0.0)
    package16470 (1.0.0)
    package16471 (1.0.0)
    package16472 (1.0.0)
    package16473 (1.0.0)
    package16474 (1.0.0)
    package16475 (1.0.0)
    package16476 (1.0.0)
    package16477 (1.0.0)
    package16478 (1.0.0)
    package16479 (1.0.0)
    package16480 (1.0.0)
    package16481 (1.0.0)
    package16482 (1.0.0)
    package16483 (1.0.0)
    package16484 (1.0.0)
    package16485 (1.0.0)
    package16486 (1.0.0)
    package16487 (1.0.0)
    package16488 (1.0.0)
    package16489 (1.0.0)
    package16490 (1.0.0)
    package16491 (1.0.0)
    package16492 (1.0.0)
    package16493 (1.0.0)
    package16494 (1.0.0)
    package16495 (1.0.0)
    package16496 (1.0.0)
    package16497 (1.0.0)
    package16498 (1.0.0)
    package16499 (1.0.0)
    package16500 (1.0.0)
    package16501 (1.0.0)
    package16502 (1.0.0)
    package16503 (1.0.0)
    package16504 (1.0.0)
    package16505 (1.0.0)
    package16506 (1.0.0)
    package16507 (1.0.0)
    package16508 (1.0.0)
    package16509 (1.0.0)
    package16510 (1.0.0)
    package16511 (1.0.0)
    package16512 (1.0.0)
    package16513 (1.0.0)
    package16514 (1.0.0)
    package16515 (1.0.0)
    package16516 (1.0.0)
    package16517 (1.0.0)
    package16518 (1.0.0)
    package16519 (1.0.0)
    package16520 (1.0.0)
    package16521 (1.0.0)
    package16522 (1.0.0)
    package16523 (1.0.0)
    package16524 (1.0.0)
    package16525 (1.0.0)
    package16526 (1.0.0)
    package16527 (1.0.0)
    package16528 (1.0.0)
    package16529 (1.0.0)
    package16530 (1.0.0)
    package16531 (1.0.0)
    package16532 (1.0.0)
    package16533 (1.0.0)
    package16534 (1.0.0)
    package16535 (1.0.0)
    package16536 (1.0.0)
    package16537 (1.0.0)
    package16538 (1.0.0)
    package16539 (1.0.0)
    package16540 (1.0.0)
    package16541 (1.0.0)
    package16542 (1.0.0)
    package16543 (1.0.0)
    package16544 (1.0.0)
    package16545 (1.0.0)
    package16546 (1.0.0)
    package16547 (1.0.0)
    package16548 (1.0.0)
    package16549 (1.0.0)
    package16550 (1.0.0)
    package16551 (1.0.0)
    package16552 (1.0.0)
    package16553 (1.0.0)
    package16554 (1.0.0)
    package16555 (1.0.0)
    package16556 (1.0.0)
    package16557 (1.0.0)
    package16558 (1.0.0)
    package16559 (1.0.0)
    package16560 (1.0.0)
    package16561 (1.0.0)
    package16562 (1.0.0)
    package16563 (1.0.0)
    package16564 (1.0.0)
    package16565 (1.0.0)
    package16566 (1.0.0)
    package16567 (1.0.0)
    package16568 (1.0.0)
    package16569 (1.0.0)
    package16570 (1.0.0)
    package16571 (1.0.0)
    package16572 (1.0.0)
    package16573 (1.0.0)
    package16574 (1.0.0)
    package16575 (1.0.0)
    package16576 (1.0.0)
    package16577 (1.0.0)
    package16578 (1.0.0)
    package16579 (1.0.0)
    package16580 (1.0.0)
    package16581 (1.0.0)
    package16582 (1.0.0)
    package16583 (1.0.0)
    package16584 (1.0.0)
    package16585 (1.0.0)
    package16586 (1.0.0)
    package16587 (1.0.0)
    package16588 (1.0.0)
    package16589 (1.0.0)
    package16590 (1.0.0)
    package16591 (1.0.0)
    package16592 (1.0.0)
    package16593 (1.0.0)
    package16594 (1.0.0)
    package16595 (1.0.0)
    package16596 (1.0.0)
    package16597 (1.0.0)
    package16598 (1.0.0)
    package16599 (1.0.0)
    package16600 (1.0.0)
    package16601 (1.0.0)
    package16602 (1.0.0)
    package16603 (1.0.0)
    package16604 (1.0.0)
    package16605 (1.0.0)
    package16606 (1.0.0)
    package16607 (1.0.0)
    package16608 (1.0.0)
    package16609 (1.0.0)
    package16610 (1.0.0)
    package16611 (1.0.0)
    package16612 (1.0.0)
    package16613 (1.0.0)
    package16614 (1.0.0)
    package16615 (1.0.0)
    package16616 (1.0.0)
    package16617 (1.0.0)
    package16618 (1.0.0)
    package16619 (1.0.0)
    package16620 (1.0.0)
    package16621 (1.0.0)
    package16622 (1.0.0)
    package16623 (1.0.0)
    package16624 (1.0.0)
    package16625 (1.0.0)
    package16626 (1.0.0)
    package16627 (1.0.0)
    package16628 (1.0.0)
    package16629 (1.0.0)
    package16630 (1.0.0)
    package16631 (1.0.0)
    package16632 (1.0.0)
    package16633 (1.0.0)
    package16634 (1.0.0)
    package16635 (1.0.0)
    package16636 (1.0.0)
    package16637 (1.0.0)
    package16638 (1.0.0)
    package16639 (1.0.0)
    package16640 (1.0.0)
    package16641 (1.0.0)
    package16642 (1.0.0)
    package16643 (1.0.0)
    package16644 (1.0.0)
    package16645 (1.0.0)
    package16646 (1.0.0)
    package16647 (1.0.0)
    package16648 (1.0.0)
    package16649 (1.0.0)
    package16650 (1.0.0)
    package16651 (1.0.0)
    package16652 (1.0.0)
    package16653 (1.0.0)
    package16654 (1.0.0)
    package16655 (1.0.0)
    package16656 (1.0.0)
    package16657 (1.0.0)
    package16658 (1.0.0)
    package16659 (1.0.0)
    package16660 (1.0.0)
    package16661 (1.0.0)
    package16662 (1.0.0)
    package16663 (1.0.0)
    package16664 (1.0.0)
    package16665 (1.0.0)
    package16666 (1.0.0)
    package16667 (1.0.0)
    package16668 (1.0.0)
    package16669 (1.0.0)
    package16670 (1.0.0)
    package16671 (1.0.0)
    package16672 (1.0.0)
    package16673 (1.0.0)
    package16674 (1.0.0)
    package16675 (1.0.0)
    package16676 (1.0.0)
    package16677 (1.0.0)
    package16678 (1.0.0)
    package16679 (1.0.0)
    package16680 (1.0.0)
    package16681 (1.0.0)
    package16682 (1.0.0)
    package16683 (1.0.0)
    package16684 (1.0.0)
    package16685 (1.0.0)
    package16686 (1.0.0)
    package16687 (1.0.0)
    package16688 (1.0.0)
    package16689 (1.0.0)
    package16690 (1.0.0)
    package16691 (1.0.0)
    package16692 (1.0.0)
    package16693 (1.0.0)
    package16694 (1.0.0)
    package16695 (1.0.0)
    package16696 (1.0.0)
    package16697 (1.0.0)
    package16698 (1.0.0)
    package16699 (1.0.0)
    package16700 (1.0.0)
    package16701 (1.0.0)
    package16702 (1.0.0)
    package16703 (1.0.0)
    package16704 (1.0.0)
    package16705 (1.0.0)
    package16706 (1.0.0)
    package16707 (1.0.0)
    package16708 (1.0.0)
    package16709 (1.0.0)
    package16710 (1.0.0)
    package16711 (1.0.0)
    package16712 (1.0.0)
    package16713 (1.0.0)
    package16714 (1.0.0)
    package16715 (1.0.0)
    package16716 (1.0.0)
    package16717 (1.0.0)
    package16718 (1.0.0)
    package16719 (1.0.0)
    package16720 (1.0.0)
    package16721 (1.0.0)
    package16722 (1.0.0)
    package16723 (1.0.0)
    package16724 (1.0.0)
    package16725 (1.0.0)
    package16726 (1.0.0)
    package16727 (1.0.0)
    package16728 (1.0.0)
    package16729 (1.0.0)
    package16730 (1.0.0)
    package16731 (1.0.0)
    package16732 (1.0.0)
    package16733 (1.0.0)
    package16734 (1.0.0)
    package16735 (1.0.0)
    package16736 (1.0.0)
    package16737 (1.0.0)
    package16738 (1.0.0)
    package16739 (1.0.0)
    package16740 (1.0.0)
    package16741 (1.0.0)
    package16742 (1.0.0)
    package16743 (1.0.0)
    package16744 (1.0.0)
    package16745 (1.0.0)
    package16746 (1.0.0)
    package16747 (1.0.0)
    package16748 (1.0.0)
    package16749 (1.0.0)
    package16750 (1.0.0)
    package16751 (1.0.0)
    package16752 (1.0.0)
    package16753 (1.0.0)
    package16754 (1.0.0)
    package16755 (1.0.0)
    package16756 (1.0.0)
    package16757 (1.0.0)
    package16758 (1.0.0)
    package16759 (1.0.0)
    package16760 (1.0.0)
    package16761 (1.0.0)
    package16762 (1.0.0)
    package16763 (1.0.0)
    package16764 (1.0.0)
    package16765 (1.0.0)
    package16766 (1.0.0)
    package16767 (1.0.0)
    package16768 (1.0.0)
    package16769 (1.0.0)
    package16770 (1.0.0)
    package16771 (1.0.0)
    package16772 (1.0.0)
    package16773 (1.0.0)
    package16774 (1.0.0)
    package16775 (1.0.0)
    package16776 (1.0.0)
    package16777 (1.0.0)
    package16778 (1.0.0)
    package16779 (1.0.0)
    package16780 (1.0.0)
    package16781 (1.0.0)
    package16782 (1.0.0)
    package16783 (1.0.0)
    package16784 (1.0.0)
    package16785 (1.0.0)
    package16786 (1.0.0)
    package16787 (1.0.0)
    package16788 (1.0.0)
    package16789 (1.0.0)
    package16790 (1.0.0)
    package16791 (1.0.0)
    package16792 (1.0.0)
    package16793 (1.0.0)
    package16794 (1.0.0)
    package16795 (1.0.0)
    package16796 (1.0.0)
    package16797 (1.0.0)
    package16798 (1.0.0)
    package16799 (1.0.0)
    package16800 (1.0.0)
    package16801 (1.0.0)
    package16802 (1.0.0)
    package16803 (1.0.0)
    package16804 (1.0.0)
    package16805 (1.0.0)
    package16806 (1.0.0)
    package16807 (1.0.0)
    package16808 (1.0.0)
    package16809 (1.0.0)
    package16810 (1.0.0)
    package16811 (1.0.0)
    package16812 (1.0.0)
    package16813 (1.0.0)
    package16814 (1.0.0)
    package16815 (1.0.0)
    package16816 (1.0.0)
    package16817 (1.0.0)
    package16818 (1.0.0)
    package16819 (1.0.0)
    package16820 (1.0.0)
    package16821 (1.0.0)
    package16822 (1.0.0)
    package16823 (1.0.0)
    package16824 (1.0.0)
    package16825 (1.0.0)
    package16826 (1.0.0)
    package16827 (1.0.0)
    package16828 (1.0.0)
    package16829 (1.0.0)
    package16830 (1.0.0)
    package16831 (1.0.0)
    package16832 (1.0.0)
    package16833 (1.0.0)
    package16834 (1.0.0)
    package16835 (1.0.0)
    package16836 (1.0.0)
    package16837 (1.0.0)
    package16838 (1.0.0)
    package16839 (1.0.0)
    package16840 (1.0.0)
    package16841 (1.0.0)
    package16842 (1.0.0)
    package16843 (1.0.0)
    package16844 (1.0.0)
    package16845 (1.0.0)
    package16846 (1.0.0)
    package16847 (1.0.0)
    package16848 (1.0.0)
    package16849 (1.0.0)
    package16850 (1.0.0)
    package16851 (1.0.0)
    package16852 (1.0.0)
    package16853 (1.0.0)
    package16854 (1.0.0)
    package16855 (1.0.0)
    package16856 (1.0.0)
    package16857 (1.0.0)
    package16858 (1.0.0)
    package16859 (1.0.0)
    package16860 (1.0.0)
    package16861 (1.0.0)
    package16862 (1.0.0)
    package16863 (1.0.0)
    package16864 (1.0.0)
    package16865 (1.0.0)
    package16866 (1.0.0)
    package16867 (1.0.0)
    package16868 (1.0.0)
    package16869 (1.0.0)
    package16870 (1.0.0)
    package16871 (1.0.0)
    package16872 (1.0.0)
    package16873 (1.0.0)
    package16874 (1.0.0)
    package16875 (1.0.0)
    package16876 (1.0.0)
    package16877 (1.0.0)
    package16878 (1.0.0)
    package16879 (1.0.0)
    package16880 (1.0.0)
    package16881 (1.0.0)
    package16882 (1.0.0)
    package16883 (1.0.0)
    package16884 (1.0.0)
    package16885 (1.0.0)
    package16886 (1.0.0)
    package16887 (1.0.0)
    package16888 (1.0.0)
    package16889 (1.0.0)
    package16890 (1.0.0)
    package16891 (1.0.0)
    package16892 (1.0.0)
    package16893 (1.0.0)
    package16894 (1.0.0)
    package16895 (1.0.0)
    package16896 (1.0.0)
    package16897 (1.0.0)
    package16898 (1.0.0)
    package16899 (1.0.0)
    package16900 (1.0.0)
    package16901 (1.0.0)
    package16902 (1.0.0)
    package16903 (1.0.0)
    package16904 (1.0.0)
    package16905 (1.0.0)
    package16906 (1.0.0)
    package16907 (1.0.0)
    package16908 (1.0.0)
    package16909 (1.0.0)
    package16910 (1.0.0)
    package16911 (1.0.0)
    package16912 (1.0.0)
    package16913 (1.0.0)
    package16914 (1.0.0)
    package16915 (1.0.0)
    package16916 (1.0.0)
    package16917 (1.0.0)
    package16918 (1.0.0)
    package16919 (1.0.0)
    package16920 (1.0.0)
    package16921 (1.0.0)
    package16922 (1.0.0)
    package16923 (1.0.0)
    package16924 (1.0.0)
    package16925 (1.0.0)
    package16926 (1.0.0)
    package16927 (1.0.0)
    package16928 (1.0.0)
    package16929 (1.0.0)
    package16930 (1.0.0)
    package16931 (1.0.0)
    package16932 (1.0.0)
    package16933 (1.0.0)
    package16934 (1.0.0)
    package16935 (1.0.0)
    package16936 (1.0.0)
    package16937 (1.0.0)
    package16938 (1.0.0)
    package16939 (1.0.0)
    package16940 (1.0.0)
    package16941 (1.0.0)
    package16942 (1.0.0)
    package16943 (1.0.0)
    package16944 (1.0.0)
    package16945 (1.0.0)
    package16946 (1.0.0)
    package16947 (1.0.0)
    package16948 (1.0.0)
    package16949 (1.0.0)
    package16950 (1.0.0)
    package16951 (1.0.0)
    package16952 (1.0.0)
    package16953 (1.0.0)
    package16954 (1.0.0)
    package16955 (1.0.0)
    package16956 (1.0.0)
    package16957 (1.0.0)
    package16958 (1.0.0)
    package16959 (1.0.0)
    package16960 (1.0.0)
    package16961 (1.0.0)
    package16962 (1.0.0)
    package16963 (1.0.0)
    package16964 (1.0.0)
    package16965 (1.0.0)
    package16966 (1.0.0)
    package16967 (1.0.0)
    package16968 (1.0.0)
    package16969 (1.0.0)
    package16970 (1.0.0)
    package16971 (1.0.0)
    package16972 (1.0.0)
    package16973 (1.0.0)
    package16974 (1.0.0)
    package16975 (1.0.0)
    package16976 (1.0.0)
    package16977 (1.0.0)
    package16978 (1.0.0)
    package16979 (1.0.0)
    package16980 (1.0.0)
    package16981 (1.0.0)
    package16982 (1.0.0)
    package16983 (1.0.0)
    package16984 (1.0.0)
    package16985 (1.0.0)
    package16986 (1.0.0)
    package16987 (1.0.0)
    package16988 (1.0.0)
    package16989 (1.0.0)
    package16990 (1.0.0)
    package16991 (1.0.0)
    package16992 (1.0.0)
    package16993 (1.0.0)
    package16994 (1.0.0)
    package16995 (1.0.0)
    package16996 (1.0.0)
    package16997 (1.0.0)
    package16998 (1.0.0)
    package16999 (1.0.0)
    package17000 (1.0.0)
    package17001 (1.0.0)
    package17002 (1.0.0)
    package17003 (1.0.0)
    package17004 (1.0.0)
    package17005 (1.0.0)
    package17006 (1.0.0)
    package17007 (1.0.0)
    package17008 (1.0.0)
    package17009 (1.0.0)
    package17010 (1.0.0)
    package17011 (1.0.0)
    package17012 (1.0.0)
    package17013 (1.0.0)
    package17014 (1.0.0)
    package17015 (1.0.0)
    package17016 (1.0.0)
    package17017 (1.0.0)
    package17018 (1.0.0)
    package17019 (1.0.0)
    package17020 (1.0.0)
    package17021 (1.0.0)
    package17022 (1.0.0)
    package17023 (1.0.0)
    package17024 (1.0.0)
    package17025 (1.0.0)
    package17026 (1.0.0)
    package17027 (1.0.0)
    package17028 (1.0.0)
    package17029 (1.0.0)
    package17030 (1.0.0)
    package17031 (1.0.0)
    package17032 (1.0.0)
    package17033 (1.0.0)
    package17034 (1.0.0)
    package17035 (1.0.0)
    package17036 (1.0.0)
    package17037 (1.0.0)
    package17038 (1.0.0)
    package17039 (1.0.0)
    package17040 (1.0.0)
    package17041 (1.0.0)
    package17042 (1.0.0)
    package17043 (1.0.0)
    package17044 (1.0.0)
    package17045 (1.0.0)
    package17046 (1.0.0)
    package17047 (1.0.0)
    package17048 (1.0.0)
    package17049 (1.0.0)
    package17050 (1.0.0)
    package17051 (1.0.0)
    package17052 (1.0.0)
    package17053 (1.0.0)
    package17054 (1.0.0)
    package17055 (1.0.0)
    package17056 (1.0.0)
    package17057 (1.0.0)
    package17058 (1.0.0)
    package17059 (1.0.0)
    package17060 (1.0.0)
    package17061 (1.0.0)
    package17062 (1.0.0)
    package17063 (1.0.0)
    package17064 (1.0.0)
    package17065 (1.0.0)
    package17066 (1.0.0)
    package17067 (1.0.0)
    package17068 (1.0.0)
    package17069 (1.0.0)
    package17070 (1.0.0)
    package17071 (1.0.0)
    package17072 (1.0.0)
    package17073 (1.0.0)
    package17074 (1.0.0)
    package17075 (1.0.0)
    package17076 (1.0.0)
    package17077 (1.0.0)
    package17078 (1.0.0)
    package17079 (1.0.0)
    package17080 (1.0.0)
    package17081 (1.0.0)
    package17082 (1.0.0)
    package17083 (1.0.0)
    package17084 (1.0.0)
    package17085 (1.0.0)
    package17086 (1.0.0)
    package17087 (1.0.0)
    package17088 (1.0.0)
    package17089 (1.0.0)
    package17090 (1.0.0)
    package17091 (1.0.0)
    package17092 (1.0.0)
    package17093 (1.0.0)
    package17094 (1.0.0)
    package17095 (1.0.0)
    package17096 (1.0.0)
    package17097 (1.0.0)
    package17098 (1.0.0)
    package17099 (1.0.0)
    package17100 (1.0.0)
    package17101 (1.0.0)
    package17102 (1.0.0)
    package17103 (1.0.0)
    package17104 (1.0.0)
    package17105 (1.0.0)
    package17106 (1.0.0)
    package17107 (1.0.0)
    package17108 (1.0.0)
    package17109 (1.0.0)
    package17110 (1.0.0)
    package17111 (1.0.0)
    package17112 (1.0.0)
    package17113 (1.0.0)
    package17114 (1.0.0)
    package17115 (1.0.0)
    package17116 (1.0.0)
    package17117 (1.0.0)
    package17118 (1.0.0)
    package17119 (1.0.0)
    package17120 (1.0.0)
    package17121 (1.0.0)
    package17122 (1.0.0)
    package17123 (1.0.0)
    package17124 (1.0.0)
    package17125 (1.0.0)
    package17126 (1.0.0)
    package17127 (1.0.0)
    package17128 (1.0.0)
    package17129 (1.0.0)
    package17130 (1.0.0)
    package17131 (1.0.0)
    package17132 (1.0.0)
    package17133 (1.0.0)
    package17134 (1.0.0)
    package17135 (1.0.0)
    package17136 (1.0.0)
    package17137 (1.0.0)
    package17138 (1.0.0)
    package17139 (1.0.0)
    package17140 (1.0.0)
    package17141 (1.0.0)
    package17142 (1.0.0)
    package17143 (1.0.0)
    package17144 (1.0.0)
    package17145 (1.0.0)
    package17146 (1.0.0)
    package17147 (1.0.0)
    package17148 (1.0.0)
    package17149 (1.0.0)
    package17150 (1.0.0)
    package17151 (1.0.0)
    package17152 (1.0.0)
    package17153 (1.0.0)
    package17154 (1.0.0)
    package17155 (1.0.0)
    package17156 (1.0.0)
    package17157 (1.0.0)
    package17158 (1.0.0)
    package17159 (1.0.0)
    package17160 (1.0.0)
    package17161 (1.0.0)
    package17162 (1.0.0)
    package17163 (1.0.0)
    package17164 (1.0.0)
    package17165 (1.0.0)
    package17166 (1.0.0)
    package17167 (1.0.0)
    package17168 (1.0.0)
    package17169 (1.0.0)
    package17170 (1.0.0)
    package17171 (1.0.0)
    package17172 (1.0.0)
    package17173 (1.0.0)
    package17174 (1.0.0)
    package17175 (1.0.0)
    package17176 (1.0.0)
    package17177 (1.0.0)
    package17178 (1.0.0)
    package17179 (1.0.0)
    package17180 (1.0.0)
    package17181 (1.0.0)
    package17182 (1.0.0)
    package17183 (1.0.0)
    package17184 (1.0.0)
    package17185 (1.0.0)
    package17186 (1.0.0)
    package17187 (1.0.0)
    package17188 (1.0.0)
    package17189 (1.0.0)
    package17190 (1.0.0)
    package17191 (1.0.0)
    package17192 (1.0.0)
    package17193 (1.0.0)
    package17194 (1.0.0)
    package17195 (1.0.0)
    package17196 (1.0.0)
    package17197 (1.0.0)
    package17198 (1.0.0)
    package17199 (1.0.0)
    package17200 (1.0.0)
    package17201 (1.0.0)
    package17202 (1.0.0)
    package17203 (1.0.0)
    package17204 (1.0.0)
    package17205 (1.0.0)
    package17206 (1.0.0)
    package17207 (1.0.0)
    package17208 (1.0.0)
    package17209 (1.0.0)
    package17210 (1.0.0)
    package17211 (1.0.0)
    package17212 (1.0.0)
    package17213 (1.0.0)
    package17214 (1.0.0)
    package17215 (1.0.0)
    package17216 (1.0.0)
    package17217 (1.0.0)
    package17218 (1.0.0)
    package17219 (1.0.0)
    package17220 (1.0.0)
    package17221 (1.0.0)
    package17222 (1.0.0)
    package17223 (1.0.0)
    package17224 (1.0.0)
    package17225 (1.0.0)
    package17226 (1.0.0)
    package17227 (1.0.0)
    package17228 (1.0.0)
    package17229 (1.0.0)
    package17230 (1.0.0)
    package17231 (1.0.0)
    package17232 (1.0.0)
    package17233 (1.0.0)
    package17234 (1.0.0)
    package17235 (1.0.0)
    package17236 (1.0.0)
    package17237 (1.0.0)
    package17238 (1.0.0)
    package17239 (1.0.0)
    package17240 (1.0.0)
    package17241 (1.0.0)
    package17242 (1.0.0)
    package17243 (1.0.0)
    package17244 (1.0.0)
    package17245 (1.0.0)
    package17246 (1.0.0)
    package17247 (1.0.0)
    package17248 (1.0.0)
    package17249 (1.0.0)
    package17250 (1.0.0)
    package17251 (1.0.0)
    package17252 (1.0.0)
    package17253 (1.0.0)
    package17254 (1.0.0)
    package17255 (1.0.0)
    package17256 (1.0.0)
    package17257 (1.0.0)
    package17258 (1.0.0)
    package17259 (1.0.0)
    package17260 (1.0.0)
    package17261 (1.0.0)
    package17262 (1.0.0)
    package17263 (1.0.0)
    package17264 (1.0.0)
    package17265 (1.0.0)
    package17266 (1.0.0)
    package17267 (1.0.0)
    package17268 (1.0.0)
    package17269 (1.0.0)
    package17270 (1.0.0)
    package17271 (1.0.0)
    package17272 (1.0.0)
    package17273 (1.0.0)
    package17274 (1.0.0)
    package17275 (1.0.0)
    package17276 (1.0.0)
    package17277 (1.0.0)
    package17278 (1.0.0)
    package17279 (1.0.0)
    package17280 (1.0.0)
    package17281 (1.0.0)
    package17282 (1.0.0)
    package17283 (1.0.0)
    package17284 (1.0.0)
    package17285 (1.0.0)
    package17286 (1.0.0)
    package17287 (1.0.0)
    package17288 (1.0.0)
    package17289 (1.0.0)
    package17290 (1.0.0)
    package17291 (1.0.0)
    package17292 (1.0.0)
    package17293 (1.0.0)
    package17294 (1.0.0)
    package17295 (1.0.0)
    package17296 (1.0.0)
    package17297 (1.0.0)
    package17298 (1.0.0)
    package17299 (1.0.0)
    package17300 (1.0.0)
    package17301 (1.0.0)
    package17302 (1.0.0)
    package17303 (1.0.0)
    package17304 (1.0.0)
    package17305 (1.0.0)
    package17306 (1.0.0)
    package17307 (1.0.0)
    package17308 (1.0.0)
    package17309 (1.0.0)
    package17310 (1.0.0)
    package17311 (1.0.0)
    package17312 (1.0.0)
    package17313 (1.0.0)
    package17314 (1.0.0)
    package17315 (1.0.0)
    package17316 (1.0.0)
    package17317 (1.0.0)
    package17318 (1.0.0)
    package17319 (1.0.0)
    package17320 (1.0.0)
    package17321 (1.0.0)
    package17322 (1.0.0)
    package17323 (1.0.0)
    package17324 (1.0.0)
    package17325 (1.0.0)
    package17326 (1.0.0)
    package17327 (1.0.0)
    package17328 (1.0.0)
    package17329 (1.0.0)
    package17330 (1.0.0)
    package17331 (1.0.0)
    package17332 (1.0.0)
    package17333 (1.0.0)
    package17334 (1.0.0)
    package17335 (1.0.0)
    package17336 (1.0.0)
    package17337 (1.0.0)
    package17338 (1.0.0)
    package17339 (1.0.0)
    package17340 (1.0.0)
    package17341 (1.0.0)
    package17342 (1.0.0)
    package17343 (1.0.0)
    package17344 (1.0.0)
    package17345 (1.0.0)
    package17346 (1.0.0)
    package17347 (1.0.0)
    package17348 (1.0.0)
    package17349 (1.0.0)
    package17350 (1.0.0)
    package17351 (1.0.0)
    package17352 (1.0.0)
    package17353 (1.0.0)
    package17354 (1.0.0)
    package17355 (1.0.0)
    package17356 (1.0.0)
    package17357 (1.0.0)
    package17358 (1.0.0)
    package17359 (1.0.0)
    package17360 (1.0.0)
    package17361 (1.0.0)
    package17362 (1.0.0)
    package17363 (1.0.0)
    package17364 (1.0.0)
    package17365 (1.0.0)
    package17366 (1.0.0)
    package17367 (1.0.0)
    package17368 (1.0.0)
    package17369 (1.0.0)
    package17370 (1.0.0)
    package17371 (1.0.0)
    package17372 (1.0.0)
    package17373 (1.0.0)
    package17374 (1.0.0)
    package17375 (1.0.0)
    package17376 (1.0.0)
    package17377 (1.0.0)
    package17378 (1.0.0)
    package17379 (1.0.0)
    package17380 (1.0.0)
    package17381 (1.0.0)
    package17382 (1.0.0)
    package17383 (1.0.0)
    package17384 (1.0.0)
    package17385 (1.0.0)
    package17386 (1.0.0)
    package17387 (1.0.0)
    package17388 (1.0.0)
    package17389 (1.0.0)
    package17390 (1.0.0)
    package17391 (1.0.0)
    package17392 (1.0.0)
    package17393 (1.0.0)
    package17394 (1.0.0)
    package17395 (1.0.0)
    package17396 (1.0.0)
    package17397 (1.0.0)
    package17398 (1.0.0)
    package17399 (1.0.0)
    package17400 (1.0.0)
    package17401 (1.0.0)
    package17402 (1.0.0)
    package17403 (1.0.0)
    package17404 (1.0.0)
    package17405 (1.0.0)
    package17406 (1.0.0)
    package17407 (1.0.0)
    package17408 (1.0.0)
    package17409 (1.0.0)
    package17410 (1.0.0)
    package17411 (1.0.0)
    package17412 (1.0.0)
    package17413 (1.0.0)
    package17414 (1.0.0)
    package17415 (1.0.0)
    package17416 (1.0.0)
    package17417 (1.0.0)
    package17418 (1.0.0)
    package17419 (1.0.0)
    package17420 (1.0.0)
    package17421 (1.0.0)
    package17422 (1.0.0)
    package17423 (1.0.0)
    package17424 (1.0.0)
    package17425 (1.0.0)
    package17426 (1.0.0)
    package17427 (1.0.0)
    package17428 (1.0.0)
    package17429 (1.0.0)
    package17430 (1.0.0)
    package17431 (1.0.0)
    package17432 (1.0.0)
    package17433 (1.0.0)
    package17434 (1.0.0)
    package17435 (1.0.0)
    package17436 (1.0.0)
    package17437 (1.0.0)
    package17438 (1.0.0)
    package17439 (1.0.0)
    package17440 (1.0.0)
    package17441 (1.0.0)
    package17442 (1.0.0)
    package17443 (1.0.0)
    package17444 (1.0.0)
    package17445 (1.0.0)
    package17446 (1.0.0)
    package17447 (1.0.0)
    package17448 (1.0.0)
    package17449 (1.0.0)
    package17450 (1.0.0)
    package17451 (1.0.0)
    package17452 (1.0.0)
    package17453 (1.0.0)
    package17454 (1.0.0)
    package17455 (1.0.0)
    package17456 (1.0.0)
    package17457 (1.0.0)
    package17458 (1.0.0)
    package17459 (1.0.0)
    package17460 (1.0.0)
    package17461 (1.0.0)
    package17462 (1.0.0)
    package17463 (1.0.0)
    package17464 (1.0.0)
    package17465 (1.0.0)
    package17466 (1.0.0)
    package17467 (1.0.0)
    package17468 (1.0.0)
    package17469 (1.0.0)
    package17470 (1.0.0)
    package17471 (1.0.0)
    package17472 (1.0.0)
    package17473 (1.0.0)
    package17474 (1.0.0)
    package17475 (1.0.0)
    package17476 (1.0.0)
    package17477 (1.0.0)
    package17478 (1.0.0)
    package17479 (1.0.0)
    package17480 (1.0.0)
    package17481 (1.0.0)
    package17482 (1.0.0)
    package17483 (1.0.0)
    package17484 (1.0.0)
    package17485 (1.0.0)
    package17486 (1.0.0)
    package17487 (1.0.0)
    package17488 (1.0.0)
    package17489 (1.0.0)
    package17490 (1.0.0)
    package17491 (1.0.0)
    package17492 (1.0.0)
    package17493 (1.0.0)
    package17494 (1.0.0)
    package17495 (1.0.0)
    package17496 (1.0.0)
    package17497 (1.0.0)
    package17498 (1.0.0)
    package17499 (1.0.0)
    package17500 (1.0.0)
    package17501 (1.0.0)
    package17502 (1.0.0)
    package17503 (1.0.0)
    package17504 (1.0.0)
    package17505 (1.0.0)
    package17506 (1.0.0)
    package17507 (1.0.0)
    package17508 (1.0.0)
    package17509 (1.0.0)
    package17510 (1.0.0)
    package17511 (1.0.0)
    package17512 (1.0.0)
    package17513 (1.0.0)
    package17514 (1.0.0)
    package17515 (1.0.0)
    package17516 (1.0.0)
    package17517 (1.0.0)
    package17518 (1.0.0)
    package17519 (1.0.0)
    package17520 (1.0.0)
    package17521 (1.0.0)
    package17522 (1.0.0)
    package17523 (1.0.0)
    package17524 (1.0.0)
    package17525 (1.0.0)
    package17526 (1.0.0)
    package17527 (1.0.0)
    package17528 (1.0.0)
    package17529 (1.0.0)
    package17530 (1.0.0)
    package17531 (1.0.0)
    package17532 (1.0.0)
    package17533 (1.0.0)
    package17534 (1.0.0)
    package17535 (1.0.0)
    package17536 (1.0.0)
    package17537 (1.0.0)
    package17538 (1.0.0)
    package17539 (1.0.0)
    package17540 (1.0.0)
    package17541 (1.0.0)
    package17542 (1.0.0)
    package17543 (1.0.0)
    package17544 (1.0.0)
    package17545 (1.0.0)
    package17546 (1.0.0)
    package17547 (1.0.0)
    package17548 (1.0.0)
    package17549 (1.0.0)
    package17550 (1.0.0)
    package17551 (1.0.0)
    package17552 (1.0.0)
    package17553 (1.0.0)
    package17554 (1.0.0)
    package17555 (1.0.0)
    package17556 (1.0.0)
    package17557 (1.0.0)
    package17558 (1.0.0)
    package17559 (1.0.0)
    package17560 (1.0.0)
    package17561 (1.0.0)
    package17562 (1.0.0)
    package17563 (1.0.0)
    package17564 (1.0.0)
    package17565 (1.0.0)
    package17566 (1.0.0)
    package17567 (1.0.0)
    package17568 (1.0.0)
    package17569 (1.0.0)
    package17570 (1.0.0)
    package17571 (1.0.0)
    package17572 (1.0.0)
    package17573 (1.0.0)
    package17574 (1.0.0)
    package17575 (1.0.0)
    package17576 (1.0.0)
    package17577 (1.0.0)
    package17578 (1.0.0)
    package17579 (1.0.0)
    package17580 (1.0.0)
    package17581 (1.0.0)
    package17582 (1.0.0)
    package17583 (1.0.0)
    package17584 (1.0.0)
    package17585 (1.0.0)
    package17586 (1.0.0)
    package17587 (1.0.0)
    package17588 (1.0.0)
    package17589 (1.0.0)
    package17590 (1.0.0)
    package17591 (1.0.0)
    package17592 (1.0.0)
    package17593 (1.0.0)
    package17594 (1.0.0)
    package17595 (1.0.0)
    package17596 (1.0.0)
    package17597 (1.0.0)
    package17598 (1.0.0)
    package17599 (1.0.0)
    package17600 (1.0.0)
    package17601 (1.0.0)
    package17602 (1.0.0)
    package17603 (1.0.0)
    package17604 (1.0.0)
    package17605 (1.0.0)
    package17606 (1.0.0)
    package17607 (1.0.0)
    package17608 (1.0.0)
    package17609 (1.0.0)
    package17610 (1.0.0)
    package17611 (1.0.0)
    package17612 (1.0.0)
    package17613 (1.0.0)
    package17614 (1.0.0)
    package17615 (1.0.0)
    package17616 (1.0.0)
    package17617 (1.0.0)
    package17618 (1.0.0)
    package17619 (1.0.0)
    package17620 (1.0.0)
    package17621 (1.0.0)
    package17622 (1.0.0)
    package17623 (1.0.0)
    package17624 (1.0.0)
    package17625 (1.0.0)
    package17626 (1.0.0)
    package17627 (1.0.0)
    package17628 (1.0.0)
    package17629 (1.0.0)
    package17630 (1.0.0)
    package17631 (1.0.0)
    package17632 (1.0.0)
    package17633 (1.0.0)
    package17634 (1.0.0)
    package17635 (1.0.0)
    package17636 (1.0.0)
    package17637 (1.0.0)
    package17638 (1.0.0)
    package17639 (1.0.0)
    package17640 (1.0.0)
    package17641 (1.0.0)
    package17642 (1.0.0)
    package17643 (1.0.0)
    package17644 (1.0.0)
    package17645 (1.0.0)
    package17646 (1.0.0)
    package17647 (1.0.0)
    package17648 (1.0.0)
    package17649 (1.0.0)
    package17650 (1.0.0)
    package17651 (1.0.0)
    package17652 (1.0.0)
    package17653 (1.0.0)
    package17654 (1.0.0)
    package17655 (1.0.0)
    package17656 (1.0.0)
    package17657 (1.0.0)
    package17658 (1.0.0)
    package17659 (1.0.0)
    package17660 (1.0.0)
    package17661 (1.0.0)
    package17662 (1.0.0)
    package17663 (1.0.0)
    package17664 (1.0.0)
    package17665 (1.0.0)
    package17666 (1.0.0)
    package17667 (1.0.0)
    package17668 (1.0.0)
    package17669 (1.0.0)
    package17670 (1.0.0)
    package17671 (1.0.0)
    package17672 (1.0.0)
    package17673 (1.0.0)
    package17674 (1.0.0)
    package17675 (1.0.0)
    package17676 (1.0.0)
    package17677 (1.0.0)
    package17678 (1.0.0)
    package17679 (1.0.0)
    package17680 (1.0.0)
    package17681 (1.0.0)
    package17682 (1.0.0)
    package17683 (1.0.0)
    package17684 (1.0.0)
    package17685 (1.0.0)
    package17686 (1.0.0)
    package17687 (1.0.0)
    package17688 (1.0.0)
    package17689 (1.0.0)
    package17690 (1.0.0)
    package17691 (1.0.0)
    package17692 (1.0.0)
    package17693 (1.0.0)
    package17694 (1.0.0)
    package17695 (1.0.0)
    package17696 (1.0.0)
    package17697 (1.0.0)
    package17698 (1.0.0)
    package17699 (1.0.0)
    package17700 (1.0.0)
    package17701 (1.0.0)
    package17702 (1.0.0)
    package17703 (1.0.0)
    package17704 (1.0.0)
    package17705 (1.0.0)
    package17706 (1.0.0)
    package17707 (1.0.0)
    package17708 (1.0.0)
    package17709 (1.0.0)
    package17710 (1.0.0)
    package17711 (1.0.0)
    package17712 (1.0.0)
    package17713 (1.0.0)
    package17714 (1.0.0)
    package17715 (1.0.0)
    package17716 (1.0.0)
    package17717 (1.0.0)
    package17718 (1.0.0)
    package17719 (1.0.0)
    package17720 (1.0.0)
    package17721 (1.0.0)
    package17722 (1.0.0)
    package17723 (1.0.0)
    package17724 (1.0.0)
    package17725 (1.0.0)
    package17726 (1.0.0)
    package17727 (1.0.0)
    package17728 (1.0.0)
    package17729 (1.0.0)
    package17730 (1.0.0)
    package17731 (1.0.0)
    package17732 (1.0.0)
    package17733 (1.0.0)
    package17734 (1.0.0)
    package17735 (1.0.0)
    package17736 (1.0.0)
    package17737 (1.0.0)
    package17738 (1.0.0)
    package17739 (1.0.0)
    package17740 (1.0.0)
    package17741 (1.0.0)
    package17742 (1.0.0)
    package17743 (1.0.0)
    package17744 (1.0.0)
    package17745 (1.0.0)
    package17746 (1.0.0)
    package17747 (1.0.0)
    package17748 (1.0.0)
    package17749 (1.0.0)
    package17750 (1.0.0)
    package17751 (1.0.0)
    package17752 (1.0.0)
    package17753 (1.0.0)
    package17754 (1.0.0)
    package17755 (1.0.0)
    package17756 (1.0.0)
    package17757 (1.0.0)
    package17758 (1.0.0)
    package17759 (1.0.0)
    package17760 (1.0.0)
    package17761 (1.0.0)
    package17762 (1.0.0)
    package17763 (1.0.0)
    package17764 (1.0.0)
    package17765 (1.0.0)
    package17766 (1.0.0)
    package17767 (1.0.0)
    package17768 (1.0.0)
    package17769 (1.0.0)
    package17770 (1.0.0)
    package17771 (1.0.0)
    package17772 (1.0.0)
    package17773 (1.0.0)
    package17774 (1.0.0)
    package17775 (1.0.0)
    package17776 (1.0.0)
    package17777 (1.0.0)
    package17778 (1.0.0)
    package17779 (1.0.0)
    package17780 (1.0.0)
    package17781 (1.0.0)
    package17782 (1.0.0)
    package17783 (1.0.0)
    package17784 (1.0.0)
    package17785 (1.0.0)
    package17786 (1.0.0)
    package17787 (1.0.0)
    package17788 (1.0.0)
    package17789 (1.0.0)
    package17790 (1.0.0)
    package17791 (1.0.0)
    package17792 (1.0.0)
    package17793 (1.0.0)
    package17794 (1.0.0)
    package17795 (1.0.0)
    package17796 (1.0.0)
    package17797 (1.0.0)
    package17798 (1.0.0)
    package17799 (1.0.0)
    package17800 (1.0.0)
    package17801 (1.0.0)
    package17802 (1.0.0)
    package17803 (1.0.0)
    package17804 (1.0.0)
    package17805 (1.0.0)
    package17806 (1.0.0)
    package17807 (1.0.0)
    package17808 (1.0.0)
    package17809 (1.0.0)
    package17810 (1.0.0)
    package17811 (1.0.0)
    package17812 (1.0.0)
    package17813 (1.0.0)
    package17814 (1.0.0)
    package17815 (1.0.0)
    package17816 (1.0.0)
    package17817 (1.0.0)
    package17818 (1.0.0)
    package17819 (1.0.0)
    package17820 (1.0.0)
    package17821 (1.0.0)
    package17822 (1.0.0)
    package17823 (1.0.0)
    package17824 (1.0.0)
    package17825 (1.0.0)
    package17826 (1.0.0)
    package17827 (1.0.0)
    package17828 (1.0.0)
    package17829 (1.0.0)
    package17830 (1.0.0)
    package17831 (1.0.0)
    package17832 (1.0.0)
    package17833 (1.0.0)
    package17834 (1.0.0)
    package17835 (1.0.0)
    package17836 (1.0.0)
    package17837 (1.0.0)
    package17838 (1.0.0)
    package17839 (1.0.0)
    package17840 (1.0.0)
    package17841 (1.0.0)
    package17842 (1.0.0)
    package17843 (1.0.0)
    package17844 (1.0.0)
    package17845 (1.0.0)
    package17846 (1.0.0)
    package17847 (1.0.0)
    package17848 (1.0.0)
    package17849 (1.0.0)
    package17850 (1.0.0)
    package17851 (1.0.0)
    package17852 (1.0.0)
    package17853 (1.0.0)
    package17854 (1.0.0)
    package17855 (1.0.0)
    package17856 (1.0.0)
    package17857 (1.0.0)
    package17858 (1.0.0)
    package17859 (1.0.0)
    package17860 (1.0.0)
    package17861 (1.0.0)
    package17862 (1.0.0)
    package17863 (1.0.0)
    package17864 (1.0.0)
    package17865 (1.0.0)
    package17866 (1.0.0)
    package17867 (1.0.0)
    package17868 (1.0.0)
    package17869 (1.0.0)
    package17870 (1.0.0)
    package17871 (1.0.0)
    package17872 (1.0.0)
    package17873 (1.0.0)
    package17874 (1.0.0)
    package17875 (1.0.0)
    package17876 (1.0.0)
    package17877 (1.0.0)
    package17878 (1.0.0)
    package17879 (1.0.0)
    package17880 (1.0.0)
    package17881 (1.0.0)
    package17882 (1.0.0)
    package17883 (1.0.0)
    package17884 (1.0.0)
    package17885 (1.0.0)
    package17886 (1.0.0)
    package17887 (1.0.0)
    package17888 (1.0.0)
    package17889 (1.0.0)
    package17890 (1.0.0)
    package17891 (1.0.0)
    package17892 (1.0.0)
    package17893 (1.0.0)
    package17894 (1.0.0)
    package17895 (1.0.0)
    package17896 (1.0.0)
    package17897 (1.0.0)
    package17898 (1.0.0)
    package17899 (1.0.0)
    package17900 (1.0.0)
    package17901 (1.0.0)
    package17902 (1.0.0)
    package17903 (1.0.0)
    package17904 (1.0.0)
    package17905 (1.0.0)
    package17906 (1.0.0)
    package17907 (1.0.0)
    package17908 (1.0.0)
    package17909 (1.0.0)
    package17910 (1.0.0)
    package17911 (1.0.0)
    package17912 (1.0.0)
    package17913 (1.0.0)
    package17914 (1.0.0)
    package17915 (1.0.0)
    package17916 (1.0.0)
    package17917 (1.0.0)
    package17918 (1.0.0)
    package17919 (1.0.0)
    package17920 (1.0.0)
    package17921 (1.0.0)
    package17922 (1.0.0)
    package17923 (1.0.0)
    package17924 (1.0.0)
    package17925 (1.0.0)
    package17926 (1.0.0)
    package17927 (1.0.0)
    package17928 (1.0.0)
    package17929 (1.0.0)
    package17930 (1.0.0)
    package17931 (1.0.0)
    package17932 (1.0.0)
    package17933 (1.0.0)
    package17934 (1.0.0)
    package17935 (1.0.0)
    package17936 (1.0.0)
    package17937 (1.0.0)
    package17938 (1.0.0)
    package17939 (1.0.0)
    package17940 (1.0.0)
    package17941 (1.0.0)
    package17942 (1.0.0)
    package17943 (1.0.0)
    package17944 (1.0.0)
    package17945 (1.0.0)
    package17946 (1.0.0)
    package17947 (1.0.0)
    package17948 (1.0.0)
    package17949 (1.0.0)
    package17950 (1.0.0)
    package17951 (1.0.0)
    package17952 (1.0.0)
    package17953 (1.0.0)
    package17954 (1.0.0)
    package17955 (1.0.0)
    package17956 (1.0.0)
    package17957 (1.0.0)
    package17958 (1.0.0)
    package17959 (1.0.0)
    package17960 (1.0.0)
    package17961 (1.0.0)
    package17962 (1.0.0)
    package17963 (1.0.0)
    package17964 (1.0.0)
    package17965 (1.0.0)
    package17966 (1.0.0)
    package17967 (1.0.0)
    package17968 (1.0.0)
    package17969 (1.0.0)
    package17970 (1.0.0)
    package17971 (1.0.0)
    package17972 (1.0.0)
    package17973 (1.0.0)
    package17974 (1.0.0)
    package17975 (1.0.0)
    package17976 (1.0.0)
    package17977 (1.0.0)
    package17978 (1.0.0)
    package17979 (1.0.0)
    package17980 (1.0.0)
    package17981 (1.0.0)
    package17982 (1.0.0)
    package17983 (1.0.0)
    package17984 (1.0.0)
    package17985 (1.0.0)
    package17986 (1.0.0)
    package17987 (1.0.0)
    package17988 (1.0.0)
    package17989 (1.0.0)
    package17990 (1.0.0)
    package17991 (1.0.0)
    package17992 (1.0.0)
    package17993 (1.0.0)
    package17994 (1.0.0)
    package17995 (1.0.0)
    package17996 (1.0.0)
    package17997 (1.0.0)
    package17998 (1.0.0)
    package17999 (1.0.0)
    package18000 (1.0.0)
    package18001 (1.0.0)
    package18002 (1.0.0)
    package18003 (1.0.0)
    package18004 (1.0.0)
    package18005 (1.0.0)
    package18006 (1.0.0)
    package18007 (1.0.0)
    package18008 (1.0.0)
    package18009 (1.0.0)
    package18010 (1.0.0)
    package18011 (1.0.0)
    package18012 (1.0.0)
    package18013 (1.0.0)
    package18014 (1.0.0)
    package18015 (1.0.0)
    package18016 (1.0.0)
    package18017 (1.0.0)
    package18018 (1.0.0)
    package18019 (1.0.0)
    package18020 (1.0.0)
    package18021 (1.0.0)
    package18022 (1.0.0)
    package18023 (1.0.0)
    package18024 (1.0.0)
    package18025 (1.0.0)
    package18026 (1.0.0)
    package18027 (1.0.0)
    package18028 (1.0.0)
    package18029 (1.0.0)
    package18030 (1.0.0)
    package18031 (1.0.0)
    package18032 (1.0.0)
    package18033 (1.0.0)
    package18034 (1.0.0)
    package18035 (1.0.0)
    package18036 (1.0.0)
    package18037 (1.0.0)
    package18038 (1.0.0)
    package18039 (1.0.0)
    package18040 (1.0.0)
    package18041 (1.0.0)
    package18042 (1.0.0)
    package18043 (1.0.0)
    package18044 (1.0.0)
    package18045 (1.0.0)
    package18046 (1.0.0)
    package18047 (1.0.0)
    package18048 (1.0.0)
    package18049 (1.0.0)
    package18050 (1.0.0)
    package18051 (1.0.0)
    package18052 (1.0.0)
    package18053 (1.0.0)
    package18054 (1.0.0)
    package18055 (1.0.0)
    package18056 (1.0.0)
    package18057 (1.0.0)
    package18058 (1.0.0)
    package18059 (1.0.0)
    package18060 (1.0.0)
    package18061 (1.0.0)
    package18062 (1.0.0)
    package18063 (1.0.0)
    package18064 (1.0.0)
    package18065 (1.0.0)
    package18066 (1.0.0)
    package18067 (1.0.0)
    package18068 (1.0.0)
    package18069 (1.0.0)
    package18070 (1.0.0)
    package18071 (1.0.0)
    package18072 (1.0.0)
    package18073 (1.0.0)
    package18074 (1.0.0)
    package18075 (1.0.0)
    package18076 (1.0.0)
    package18077 (1.0.0)
    package18078 (1.0.0)
    package18079 (1.0.0)
    package18080 (1.0.0)
    package18081 (1.0.0)
    package18082 (1.0.0)
    package18083 (1.0.0)
    package18084 (1.0.0)
    package18085 (1.0.0)
    package18086 (1.0.0)
    package18087 (1.0.0)
    package18088 (1.0.0)
    package18089 (1.0.0)
    package18090 (1.0.0)
    package18091 (1.0.0)
    package18092 (1.0.0)
    package18093 (1.0.0)
    package18094 (1.0.0)
    package18095 (1.0.0)
    package18096 (1.0.0)
    package18097 (1.0.0)
    package18098 (1.0.0)
    package18099 (1.0.0)
    package18100 (1.0.0)
    package18101 (1.0.0)
    package18102 (1.0.0)
    package18103 (1.0.0)
    package18104 (1.0.0)
    package18105 (1.0.0)
    package18106 (1.0.0)
    package18107 (1.0.0)
    package18108 (1.0.0)
    package18109 (1.0.0)
    package18110 (1.0.0)
    package18111 (1.0.0)
    package18112 (1.0.0)
    package18113 (1.0.0)
    package18114 (1.0.0)
    package18115 (1.0.0)
    package18116 (1.0.0)
    package18117 (1.0.0)
    package18118 (1.0.0)
    package18119 (1.0.0)
    package18120 (1.0.0)
    package18121 (1.0.0)
    package18122 (1.0.0)
    package18123 (1.0.0)
    package18124 (1.0.0)
    package18125 (1.0.0)
    package18126 (1.0.0)
    package18127 (1.0.0)
    package18128 (1.0.0)
    package18129 (1.0.0)
    package18130 (1.0.0)
    package18131 (1.0.0)
    package18132 (1.0.0)
    package18133 (1.0.0)
    package18134 (1.0.0)
    package18135 (1.0.0)
    package18136 (1.0.0)
    package18137 (1.0.0)
    package18138 (1.0.0)
    package18139 (1.0.0)
    package18140 (1.0.0)
    package18141 (1.0.0)
    package18142 (1.0.0)
    package18143 (1.0.0)
    package18144 (1.0.0)
    package18145 (1.0.0)
    package18146 (1.0.0)
    package18147 (1.0.0)
    package18148 (1.0.0)
    package18149 (1.0.0)
    package18150 (1.0.0)
    package18151 (1.0.0)
    package18152 (1.0.0)
    package18153 (1.0.0)
    package18154 (1.0.0)
    package18155 (1.0.0)
    package18156 (1.0.0)
    package18157 (1.0.0)
    package18158 (1.0.0)
    package18159 (1.0.0)
    package18160 (1.0.0)
    package18161 (1.0.0)
    package18162 (1.0.0)
    package18163 (1.0.0)
    package18164 (1.0.0)
    package18165 (1.0.0)
    package18166 (1.0.0)
    package18167 (1.0.0)
    package18168 (1.0.0)
    package18169 (1.0.0)
    package18170 (1.0.0)
    package18171 (1.0.0)
    package18172 (1.0.0)
    package18173 (1.0.0)
    package18174 (1.0.0)
    package18175 (1.0.0)
    package18176 (1.0.0)
    package18177 (1.0.0)
    package18178 (1.0.0)
    package18179 (1.0.0)
    package18180 (1.0.0)
    package18181 (1.0.0)
    package18182 (1.0.0)
    package18183 (1.0.0)
    package18184 (1.0.0)
    package18185 (1.0.0)
    package18186 (1.0.0)
    package18187 (1.0.0)
    package18188 (1.0.0)
    package18189 (1.0.0)
    package18190 (1.0.0)
    package18191 (1.0.0)
    package18192 (1.0.0)
    package18193 (1.0.0)
    package18194 (1.0.0)
    package18195 (1.0.0)
    package18196 (1.0.0)
    package18197 (1.0.0)
    package18198 (1.0.0)
    package18199 (1.0.0)
    package18200 (1.0.0)
    package18201 (1.0.0)
    package18202 (1.0.0)
    package18203 (1.0.0)
    package18204 (1.0.0)
    package18205 (1.0.0)
    package18206 (1.0.0)
    package18207 (1.0.0)
    package18208 (1.0.0)
    package18209 (1.0.0)
    package18210 (1.0.0)
    package18211 (1.0.0)
    package18212 (1.0.0)
    package18213 (1.0.0)
    package18214 (1.0.0)
    package18215 (1.0.0)
    package18216 (1.0.0)
    package18217 (1.0.0)
    package18218 (1.0.0)
    package18219 (1.0.0)
    package18220 (1.0.0)
    package18221 (1.0.0)
    package18222 (1.0.0)
    package18223 (1.0.0)
    package18224 (1.0.0)
    package18225 (1.0.0)
    package18226 (1.0.0)
    package18227 (1.0.0)
    package18228 (1.0.0)
    package18229 (1.0.0)
    package18230 (1.0.0)
    package18231 (1.0.0)
    package18232 (1.0.0)
    package18233 (1.0.0)
    package18234 (1.0.0)
    package18235 (1.0.0)
    package18236 (1.0.0)
    package18237 (1.0.0)
    package18238 (1.0.0)
    package18239 (1.0.0)
    package18240 (1.0.0)
    package18241 (1.0.0)
    package18242 (1.0.0)
    package18243 (1.0.0)
    package18244 (1.0.0)
    package18245 (1.0.0)
    package18246 (1.0.0)
    package18247 (1.0.0)
    package18248 (1.0.0)
    package18249 (1.0.0)
    package18250 (1.0.0)
    package18251 (1.0.0)
    package18252 (1.0.0)
    package18253 (1.0.0)
    package18254 (1.0.0)
    package18255 (1.0.0)
    package18256 (1.0.0)
    package18257 (1.0.0)
    package18258 (1.0.0)
    package18259 (1.0.0)
    package18260 (1.0.0)
    package18261 (1.0.0)
    package18262 (1.0.0)
    package18263 (1.0.0)
    package18264 (1.0.0)
    package18265 (1.0.0)
    package18266 (1.0.0)
    package18267 (1.0.0)
    package18268 (1.0.0)
    package18269 (1.0.0)
    package18270 (1.0.0)
    package18271 (1.0.0)
    package18272 (1.0.0)
    package18273 (1.0.0)
    package18274 (1.0.0)
    package18275 (1.0.0)
    package18276 (1.0.0)
    package18277 (1.0.0)
    package18278 (1.0.0)
    package18279 (1.0.0)
    package18280 (1.0.0)
    package18281 (1.0.0)
    package18282 (1.0.0)
    package18283 (1.0.0)
    package18284 (1.0.0)
    package18285 (1.0.0)
    package18286 (1.0.0)
    package18287 (1.0.0)
    package18288 (1.0.0)
    package18289 (1.0.0)
    package18290 (1.0.0)
    package18291 (1.0.0)
    package18292 (1.0.0)
    package18293 (1.0.0)
    package18294 (1.0.0)
    package18295 (1.0.0)
    package18296 (1.0.0)
    package18297 (1.0.0)
    package18298 (1.0.0)
    package18299 (1.0.0)
    package18300 (1.0.0)
    package18301 (1.0.0)
    package18302 (1.0.0)
    package18303 (1.0.0)
    package18304 (1.0.0)
    package18305 (1.0.0)
    package18306 (1.0.0)
    package18307 (1.0.0)
    package18308 (1.0.0)
    package18309 (1.0.0)
    package18310 (1.0.0)
    package18311 (1.0.0)
    package18312 (1.0.0)
    package18313 (1.0.0)
    package18314 (1.0.0)
    package18315 (1.0.0)
    package18316 (1.0.0)
    package18317 (1.0.0)
    package18318 (1.0.0)
    package18319 (1.0.0)
    package18320 (1.0.0)
    package18321 (1.0.0)
    package18322 (1.0.0)
    package18323 (1.0.0)
    package18324 (1.0.0)
    package18325 (1.0.0)
    package18326 (1.0.0)
    package18327 (1.0.0)
    package18328 (1.0.0)
    package18329 (1.0.0)
    package18330 (1.0.0)
    package18331 (1.0.0)
    package18332 (1.0.0)
    package18333 (1.0.0)
    package18334 (1.0.0)
    package18335 (1.0.0)
    package18336 (1.0.0)
    package18337 (1.0.0)
    package18338 (1.0.0)
    package18339 (1.0.0)
    package18340 (1.0.0)
    package18341 (1.0.0)
    package18342 (1.0.0)
    package18343 (1.0.0)
    package18344 (1.0.0)
    package18345 (1.0.0)
    package18346 (1.0.0)
    package18347 (1.0.0)
    package18348 (1.0.0)
    package18349 (1.0.0)
    package18350 (1.0.0)
    package18351 (1.0.0)
    package18352 (1.0.0)
    package18353 (1.0.0)
    package18354 (1.0.0)
    package18355 (1.0.0)
    package18356 (1.0.0)
    package18357 (1.0.0)
    package18358 (1.0.0)
    package18359 (1.0.0)
    package18360 (1.0.0)
    package18361 (1.0.0)
    package18362 (1.0.0)
    package18363 (1.0.0)
    package18364 (1.0.0)
    package18365 (1.0.0)
    package18366 (1.0.0)
    package18367 (1.0.0)
    package18368 (1.0.0)
    package18369 (1.0.0)
    package18370 (1.0.0)
    package18371 (1.0.0)
    package18372 (1.0.0)
    package18373 (1.0.0)
    package18374 (1.0.0)
    package18375 (1.0.0)
    package18376 (1.0.0)
    package18377 (1.0.0)
    package18378 (1.0.0)
    package18379 (1.0.0)
    package18380 (1.0.0)
    package18381 (1.0.0)
    package18382 (1.0.0)
    package18383 (1.0.0)
    package18384 (1.0.0)
    package18385 (1.0.0)
    package18386 (1.0.0)
    package18387 (1.0.0)
    package18388 (1.0.0)
    package18389 (1.0.0)
    package18390 (1.0.0)
    package18391 (1.0.0)
    package18392 (1.0.0)
    package18393 (1.0.0)
    package18394 (1.0.0)
    package18395 (1.0.0)
    package18396 (1.0.0)
    package18397 (1.0.0)
    package18398 (1.0.0)
    package18399 (1.0.0)
    package18400 (1.0.0)
    package18401 (1.0.0)
    package18402 (1.0.0)
    package18403 (1.0.0)
    package18404 (1.0.0)
    package18405 (1.0.0)
    package18406 (1.0.0)
    package18407 (1.0.0)
    package18408 (1.0.0)
    package18409 (1.0.0)
    package18410 (1.0.0)
    package18411 (1.0.0)
    package18412 (1.0.0)
    package18413 (1.0.0)
    package18414 (1.0.0)
    package18415 (1.0.0)
    package18416 (1.0.0)
    package18417 (1.0.0)
    package18418 (1.0.0)
    package18419 (1.0.0)
    package18420 (1.0.0)
    package18421 (1.0.0)
    package18422 (1.0.0)
    package18423 (1.0.0)
    package18424 (1.0.0)
    package18425 (1.0.0)
    package18426 (1.0.0)
    package18427 (1.0.0)
    package18428 (1.0.0)
    package18429 (1.0.0)
    package18430 (1.0.0)
    package18431 (1.0.0)
    package18432 (1.0.0)
    package18433 (1.0.0)
    package18434 (1.0.0)
    package18435 (1.0.0)
    package18436 (1.0.0)
    package18437 (1.0.0)
    package18438 (1.0.0)
    package18439 (1.0.0)
    package18440 (1.0.0)
    package18441 (1.0.0)
    package18442 (1.0.0)
    package18443 (1.0.0)
    package18444 (1.0.0)
    package18445 (1.0.0)
    package18446 (1.0.0)
    package18447 (1.0.0)
    package18448 (1.0.0)
    package18449 (1.0.0)
    package18450 (1.0.0)
    package18451 (1.0.0)
    package18452 (1.0.0)
    package18453 (1.0.0)
    package18454 (1.0.0)
    package18455 (1.0.0)
    package18456 (1.0.0)
    package18457 (1.0.0)
    package18458 (1.0.0)
    package18459 (1.0.0)
    package18460 (1.0.0)
    package18461 (1.0.0)
    package18462 (1.0.0)
    package18463 (1.0.0)
    package18464 (1.0.0)
    package18465 (1.0.0)
    package18466 (1.0.0)
    package18467 (1.0.0)
    package18468 (1.0.0)
    package18469 (1.0.0)
    package18470 (1.0.0)
    package18471 (1.0.0)
    package18472 (1.0.0)
    package18473 (1.0.0)
    package18474 (1.0.0)
    package18475 (1.0.0)
    package18476 (1.0.0)
    package18477 (1.0.0)
    package18478 (1.0.0)
    package18479 (1.0.0)
    package18480 (1.0.0)
    package18481 (1.0.0)
    package18482 (1.0.0)
    package18483 (1.0.0)
    package18484 (1.0.0)
    package18485 (1.0.0)
    package18486 (1.0.0)
    package18487 (1.0.0)
    package18488 (1.0.0)
    package18489 (1.0.0)
    package18490 (1.0.0)
    package18491 (1.0.0)
    package18492 (1.0.0)
    package18493 (1.0.0)
    package18494 (1.0.0)
    package18495 (1.0.0)
    package18496 (1.0.0)
    package18497 (1.0.0)
    package18498 (1.0.0)
    package18499 (1.0.0)
    package18500 (1.0.0)
    package18501 (1.0.0)
    package18502 (1.0.0)
    package18503 (1.0.0)
    package18504 (1.0.0)
    package18505 (1.0.0)
    package18506 (1.0.0)
    package18507 (1.0.0)
    package18508 (1.0.0)
    package18509 (1.0.0)
    package18510 (1.0.0)
    package18511 (1.0.0)
    package18512 (1.0.0)
    package18513 (1.0.0)
    package18514 (1.0.0)
    package18515 (1.0.0)
    package18516 (1.0.0)
    package18517 (1.0.0)
    package18518 (1.0.0)
    package18519 (1.0.0)
    package18520 (1.0.0)
    package18521 (1.0.0)
    package18522 (1.0.0)
    package18523 (1.0.0)
    package18524 (1.0.0)
    package18525 (1.0.0)
    package18526 (1.0.0)
    package18527 (1.0.0)
    package18528 (1.0.0)
    package18529 (1.0.0)
    package18530 (1.0.0)
    package18531 (1.0.0)
    package18532 (1.0.0)
    package18533 (1.0.0)
    package18534 (1.0.0)
    package18535 (1.0.0)
    package18536 (1.0.0)
    package18537 (1.0.0)
    package18538 (1.0.0)
    package18539 (1.0.0)
    package18540 (1.0.0)
    package18541 (1.0.0)
    package18542 (1.0.0)
    package18543 (1.0.0)
    package18544 (1.0.0)
    package18545 (1.0.0)
    package18546 (1.0.0)
    package18547 (1.0.0)
    package18548 (1.0.0)
    package18549 (1.0.0)
    package18550 (1.0.0)
    package18551 (1.0.0)
    package18552 (1.0.0)
    package18553 (1.0.0)
    package18554 (1.0.0)
    package18555 (1.0.0)
    package18556 (1.0.0)
    package18557 (1.0.0)
    package18558 (1.0.0)
    package18559 (1.0.0)
    package18560 (1.0.0)
    package18561 (1.0.0)
    package18562 (1.0.0)
    package18563 (1.0.0)
    package18564 (1.0.0)
    package18565 (1.0.0)
    package18566 (1.0.0)
    package18567 (1.0.0)
    package18568 (1.0.0)
    package18569 (1.0.0)
    package18570 (1.0.0)
    package18571 (1.0.0)
    package18572 (1.0.0)
    package18573 (1.0.0)
    package18574 (1.0.0)
    package18575 (1.0.0)
    package18576 (1.0.0)
    package18577 (1.0.0)
    package18578 (1.0.0)
    package18579 (1.0.0)
    package18580 (1.0.0)
    package18581 (1.0.0)
    package18582 (1.0.0)
    package18583 (1.0.0)
    package18584 (1.0.0)
    package18585 (1.0.0)
    package18586 (1.0.0)
    package18587 (1.0.0)
    package18588 (1.0.0)
    package18589 (1.0.0)
    package18590 (1.0.0)
    package18591 (1.0.0)
    package18592 (1.0.0)
    package18593 (1.0.0)
    package18594 (1.0.0)
    package18595 (1.0.0)
    package18596 (1.0.0)
    package18597 (1.0.0)
    package18598 (1.0.0)
    package18599 (1.0.0)
    package18600 (1.0.0)
    package18601 (1.0.0)
    package18602 (1.0.0)
    package18603 (1.0.0)
    package18604 (1.0.0)
    package18605 (1.0.0)
    package18606 (1.0.0)
    package18607 (1.0.0)
    package18608 (1.0.0)
    package18609 (1.0.0)
    package18610 (1.0.0)
    package18611 (1.0.0)
    package18612 (1.0.0)
    package18613 (1.0.0)
    package18614 (1.0.0)
    package18615 (1.0.0)
    package18616 (1.0.0)
    package18617 (1.0.0)
    package18618 (1.0.0)
    package18619 (1.0.0)
    package18620 (1.0.0)
    package18621 (1.0.0)
    package18622 (1.0.0)
    package18623 (1.0.0)
    package18624 (1.0.0)
    package18625 (1.0.0)
    package18626 (1.0.0)
    package18627 (1.0.0)
    package18628 (1.0.0)
    package18629 (1.0.0)
    package18630 (1.0.0)
    package18631 (1.0.0)
    package18632 (1.0.0)
    package18633 (1.0.0)
    package18634 (1.0.0)
    package18635 (1.0.0)
    package18636 (1.0.0)
    package18637 (1.0.0)
    package18638 (1.0.0)
    package18639 (1.0.0)
    package18640 (1.0.0)
    package18641 (1.0.0)
    package18642 (1.0.0)
    package18643 (1.0.0)
    package18644 (1.0.0)
    package18645 (1.0.0)
    package18646 (1.0.0)
    package18647 (1.0.0)
    package18648 (1.0.0)
    package18649 (1.0.0)
    package18650 (1.0.0)
    package18651 (1.0.0)
    package18652 (1.0.0)
    package18653 (1.0.0)
    package18654 (1.0.0)
    package18655 (1.0.0)
    package18656 (1.0.0)
    package18657 (1.0.0)
    package18658 (1.0.0)
    package18659 (1.0.0)
    package18660 (1.0.0)
    package18661 (1.0.0)
    package18662 (1.0.0)
    package18663 (1.0.0)
    package18664 (1.0.0)
    package18665 (1.0.0)
    package18666 (1.0.0)
    package18667 (1.0.0)
    package18668 (1.0.0)
    package18669 (1.0.0)
    package18670 (1.0.0)
    package18671 (1.0.0)
    package18672 (1.0.0)
    package18673 (1.0.0)
    package18674 (1.0.0)
    package18675 (1.0.0)
    package18676 (1.0.0)
    package18677 (1.0.0)
    package18678 (1.0.0)
    package18679 (1.0.0)
    package18680 (1.0.0)
    package18681 (1.0.0)
    package18682 (1.0.0)
    package18683 (1.0.0)
    package18684 (1.0.0)
    package18685 (1.0.0)
    package18686 (1.0.0)
    package18687 (1.0.0)
    package18688 (1.0.0)
    package18689 (1.0.0)
    package18690 (1.0.0)
    package18691 (1.0.0)
    package18692 (1.0.0)
    package18693 (1.0.0)
    package18694 (1.0.0)
    package18695 (1.0.0)
    package18696 (1.0.0)
    package18697 (1.0.0)
    package18698 (1.0.0)
    package18699 (1.0.0)
    package18700 (1.0.0)
    package18701 (1.0.0)
    package18702 (1.0.0)
    package18703 (1.0.0)
    package18704 (1.0.0)
    package18705 (1.0.0)
    package18706 (1.0.0)
    package18707 (1.0.0)
    package18708 (1.0.0)
    package18709 (1.0.0)
    package18710 (1.0.0)
    package18711 (1.0.0)
    package18712 (1.0.0)
    package18713 (1.0.0)
    package18714 (1.0.0)
    package18715 (1.0.0)
    package18716 (1.0.0)
    package18717 (1.0.0)
    package18718 (1.0.0)
    package18719 (1.0.0)
    package18720 (1.0.0)
    package18721 (1.0.0)
    package18722 (1.0.0)
    package18723 (1.0.0)
    package18724 (1.0.0)
    package18725 (1.0.0)
    package18726 (1.0.0)
    package18727 (1.0.0)
    package18728 (1.0.0)
    package18729 (1.0.0)
    package18730 (1.0.0)
    package18731 (1.0.0)
    package18732 (1.0.0)
    package18733 (1.0.0)
    package18734 (1.0.0)
    package18735 (1.0.0)
    package18736 (1.0.0)
    package18737 (1.0.0)
    package18738 (1.0.0)
    package18739 (1.0.0)
    package18740 (1.0.0)
    package18741 (1.0.0)
    package18742 (1.0.0)
    package18743 (1.0.0)
    package18744 (1.0.0)
    package18745 (1.0.0)
    package18746 (1.0.0)
    package18747 (1.0.0)
    package18748 (1.0.0)
    package18749 (1.0.0)
    package18750 (1.0.0)
    package18751 (1.0.0)
    package18752 (1.0.0)
    package18753 (1.0.0)
    package18754 (1.0.0)
    package18755 (1.0.0)
    package18756 (1.0.0)
    package18757 (1.0.0)
    package18758 (1.0.0)
    package18759 (1.0.0)
    package18760 (1.0.0)
    package18761 (1.0.0)
    package18762 (1.0.0)
    package18763 (1.0.0)
    package18764 (1.0.0)
    package18765 (1.0.0)
    package18766 (1.0.0)
    package18767 (1.0.0)
    package18768 (1.0.0)
    package18769 (1.0.0)
    package18770 (1.0.0)
    package18771 (1.0.0)
    package18772 (1.0.0)
    package18773 (1.0.0)
    package18774 (1.0.0)
    package18775 (1.0.0)
    package18776 (1.0.0)
    package18777 (1.0.0)
    package18778 (1.0.0)
    package18779 (1.0.0)
    package18780 (1.0.0)
    package18781 (1.0.0)
    package18782 (1.0.0)
    package18783 (1.0.0)
    package18784 (1.0.0)
    package18785 (1.0.0)
    package18786 (1.0.0)
    package18787 (1.0.0)
    package18788 (1.0.0)
    package18789 (1.0.0)
    package18790 (1.0.0)
    package18791 (1.0.0)
    package18792 (1.0.0)
    package18793 (1.0.0)
    package18794 (1.0.0)
    package18795 (1.0.0)
    package18796 (1.0.0)
    package18797 (1.0.0)
    package18798 (1.0.0)
    package18799 (1.0.0)
    package18800 (1.0.0)
    package18801 (1.0.0)
    package18802 (1.0.0)
    package18803 (1.0.0)
    package18804 (1.0.0)
    package18805 (1.0.0)
    package18806 (1.0.0)
    package18807 (1.0.0)
    package18808 (1.0.0)
    package18809 (1.0.0)
    package18810 (1.0.0)
    package18811 (1.0.0)
    package18812 (1.0.0)
    package18813 (1.0.0)
    package18814 (1.0.0)
    package18815 (1.0.0)
    package18816 (1.0.0)
    package18817 (1.0.0)
    package18818 (1.0.0)
    package18819 (1.0.0)
    package18820 (1.0.0)
    package18821 (1.0.0)
    package18822 (1.0.0)
    package18823 (1.0.0)
    package18824 (1.0.0)
    package18825 (1.0.0)
    package18826 (1.0.0)
    package18827 (1.0.0)
    package18828 (1.0.0)
    package18829 (1.0.0)
    package18830 (1.0.0)
    package18831 (1.0.0)
    package18832 (1.0.0)
    package18833 (1.0.0)
    package18834 (1.0.0)
    package18835 (1.0.0)
    package18836 (1.0.0)
    package18837 (1.0.0)
    package18838 (1.0.0)
    package18839 (1.0.0)
    package18840 (1.0.0)
    package18841 (1.0.0)
    package18842 (1.0.0)
    package18843 (1.0.0)
    package18844 (1.0.0)
    package18845 (1.0.0)
    package18846 (1.0.0)
    package18847 (1.0.0)
    package18848 (1.0.0)
    package18849 (1.0.0)
    package18850 (1.0.0)
    package18851 (1.0.0)
    package18852 (1.0.0)
    package18853 (1.0.0)
    package18854 (1.0.0)
    package18855 (1.0.0)
    package18856 (1.0.0)
    package18857 (1.0.0)
    package18858 (1.0.0)
    package18859 (1.0.0)
    package18860 (1.0.0)
    package18861 (1.0.0)
    package18862 (1.0.0)
    package18863 (1.0.0)
    package18864 (1.0.0)
    package18865 (1.0.0)
    package18866 (1.0.0)
    package18867 (1.0.0)
    package18868 (1.0.0)
    package18869 (1.0.0)
    package18870 (1.0.0)
    package18871 (1.0.0)
    package18872 (1.0.0)
    package18873 (1.0.0)
    package18874 (1.0.0)
    package18875 (1.0.0)
    package18876 (1.0.0)
    package18877 (1.0.0)
    package18878 (1.0.0)
    package18879 (1.0.0)
    package18880 (1.0.0)
    package18881 (1.0.0)
    package18882 (1.0.0)
    package18883 (1.0.0)
    package18884 (1.0.0)
    package18885 (1.0.0)
    package18886 (1.0.0)
    package18887 (1.0.0)
    package18888 (1.0.0)
    package18889 (1.0.0)
    package18890 (1.0.0)
    package18891 (1.0.0)
    package18892 (1.0.0)
    package18893 (1.0.0)
    package18894 (1.0.0)
    package18895 (1.0.0)
    package18896 (1.0.0)
    package18897 (1.0.0)
    package18898 (1.0.0)
    package18899 (1.0.0)
    package18900 (1.0.0)
    package18901 (1.0.0)
    package18902 (1.0.0)
    package18903 (1.0.0)
    package18904 (1.0.0)
    package18905 (1.0.0)
    package18906 (1.0.0)
    package18907 (1.0.0)
    package18908 (1.0.0)
    package18909 (1.0.0)
    package18910 (1.0.0)
    package18911 (1.0.0)
    package18912 (1.0.0)
    package18913 (1.0.0)
    package18914 (1.0.0)
    package18915 (1.0.0)
    package18916 (1.0.0)
    package18917 (1.0.0)
    package18918 (1.0.0)
    package18919 (1.0.0)
    package18920 (1.0.0)
    package18921 (1.0.0)
    package18922 (1.0.0)
    package18923 (1.0.0)
    package18924 (1.0.0)
    package18925 (1.0.0)
    package18926 (1.0.0)
    package18927 (1.0.0)
    package18928 (1.0.0)
    package18929 (1.0.0)
    package18930 (1.0.0)
    package18931 (1.0.0)
    package18932 (1.0.0)
    package18933 (1.0.0)
    package18934 (1.0.0)
    package18935 (1.0.0)
    package18936 (1.0.0)
    package18937 (1.0.0)
    package18938 (1.0.0)
    package18939 (1.0.0)
    package18940 (1.0.0)
    package18941 (1.0.0)
    package18942 (1.0.0)
    package18943 (1.0.0)
    package18944 (1.0.0)
    package18945 (1.0.0)
    package18946 (1.0.0)
    package18947 (1.0.0)
    package18948 (1.0.0)
    package18949 (1.0.0)
    package18950 (1.0.0)
    package18951 (1.0.0)
    package18952 (1.0.0)
    package18953 (1.0.0)
    package18954 (1.0.0)
    package18955 (1.0.0)
    package18956 (1.0.0)
    package18957 (1.0.0)
    package18958 (1.0.0)
    package18959 (1.0.0)
    package18960 (1.0.0)
    package18961 (1.0.0)
    package18962 (1.0.0)
    package18963 (1.0.0)
    package18964 (1.0.0)
    package18965 (1.0.0)
    package18966 (1.0.0)
    package18967 (1.0.0)
    package18968 (1.0.0)
    package18969 (1.0.0)
    package18970 (1.0.0)
    package18971 (1.0.0)
    package18972 (1.0.0)
    package18973 (1.0.0)
    package18974 (1.0.0)
    package18975 (1.0.0)
    package18976 (1.0.0)
    package18977 (1.0.0)
    package18978 (1.0.0)
    package18979 (1.0.0)
    package18980 (1.0.0)
    package18981 (1.0.0)
    package18982 (1.0.0)
    package18983 (1.0.0)
    package18984 (1.0.0)
    package18985 (1.0.0)
    package18986 (1.0.0)
    package18987 (1.0.0)
    package18988 (1.0.0)
    package18989 (1.0.0)
    package18990 (1.0.0)
    package18991 (1.0.0)
    package18992 (1.0.0)
    package18993 (1.0.0)
    package18994 (1.0.0)
    package18995 (1.0.0)
    package18996 (1.0.0)
    package18997 (1.0.0)
    package18998 (1.0.0)
    package18999 (1.0.0)
    package19000 (1.0.0)
    package19001 (1.0.0)
    package19002 (1.0.0)
    package19003 (1.0.0)
    package19004 (1.0.0)
    package19005 (1.0.0)
    package19006 (1.0.0)
    package19007 (1.0.0)
    package19008 (1.0.0)
    package19009 (1.0.0)
    package19010 (1.0.0)
    package19011 (1.0.0)
    package19012 (1.0.0)
    package19013 (1.0.0)
    package19014 (1.0.0)
    package19015 (1.0.0)
    package19016 (1.0.0)
    package19017 (1.0.0)
    package19018 (1.0.0)
    package19019 (1.0.0)
    package19020 (1.0.0)
    package19021 (1.0.0)
    package19022 (1.0.0)
    package19023 (1.0.0)
    package19024 (1.0.0)
    package19025 (1.0.0)
    package19026 (1.0.0)
    package19027 (1.0.0)
    package19028 (1.0.0)
    package19029 (1.0.0)
    package19030 (1.0.0)
    package19031 (1.0.0)
    package19032 (1.0.0)
    package19033 (1.0.0)
    package19034 (1.0.0)
    package19035 (1.0.0)
    package19036 (1.0.0)
    package19037 (1.0.0)
    package19038 (1.0.0)
    package19039 (1.0.0)
    package19040 (1.0.0)
    package19041 (1.0.0)
    package19042 (1.0.0)
    package19043 (1.0.0)
    package19044 (1.0.0)
    package19045 (1.0.0)
    package19046 (1.0.0)
    package19047 (1.0.0)
    package19048 (1.0.0)
    package19049 (1.0.0)
    package19050 (1.0.0)
    package19051 (1.0.0)
    package19052 (1.0.0)
    package19053 (1.0.0)
    package19054 (1.0.0)
    package19055 (1.0.0)
    package19056 (1.0.0)
    package19057 (1.0.0)
    package19058 (1.0.0)
    package19059 (1.0.0)
    package19060 (1.0.0)
    package19061 (1.0.0)
    package19062 (1.0.0)
    package19063 (1.0.0)
    package19064 (1.0.0)
    package19065 (1.0.0)
    package19066 (1.0.0)
    package19067 (1.0.0)
    package19068 (1.0.0)
    package19069 (1.0.0)
    package19070 (1.0.0)
    package19071 (1.0.0)
    package19072 (1.0.0)
    package19073 (1.0.0)
    package19074 (1.0.0)
    package19075 (1.0.0)
    package19076 (1.0.0)
    package19077 (1.0.0)
    package19078 (1.0.0)
    package19079 (1.0.0)
    package19080 (1.0.0)
    package19081 (1.0.0)
    package19082 (1.0.0)
    package19083 (1.0.0)
    package19084 (1.0.0)
    package19085 (1.0.0)
    package19086 (1.0.0)
    package19087 (1.0.0)
    package19088 (1.0.0)
    package19089 (1.0.0)
    package19090 (1.0.0)
    package19091 (1.0.0)
    package19092 (1.0.0)
    package19093 (1.0.0)
    package19094 (1.0.0)
    package19095 (1.0.0)
    package19096 (1.0.0)
    package19097 (1.0.0)
    package19098 (1.0.0)
    package19099 (1.0.0)
    package19100 (1.0.0)
    package19101 (1.0.0)
    package19102 (1.0.0)
    package19103 (1.0.0)
    package19104 (1.0.0)
    package19105 (1.0.0)
    package19106 (1.0.0)
    package19107 (1.0.0)
    package19108 (1.0.0)
    package19109 (1.0.0)
    package19110 (1.0.0)
    package19111 (1.0.0)
    package19112 (1.0.0)
    package19113 (1.0.0)
    package19114 (1.0.0)
    package19115 (1.0.0)
    package19116 (1.0.0)
    package19117 (1.0.0)
    package19118 (1.0.0)
    package19119 (1.0.0)
    package19120 (1.0.0)
    package19121 (1.0.0)
    package19122 (1.0.0)
    package19123 (1.0.0)
    package19124 (1.0.0)
    package19125 (1.0.0)
    package19126 (1.0.0)
    package19127 (1.0.0)
    package19128 (1.0.0)
    package19129 (1.0.0)
    package19130 (1.0.0)
    package19131 (1.0.0)
    package19132 (1.0.0)
    package19133 (1.0.0)
    package19134 (1.0.0)
    package19135 (1.0.0)
    package19136 (1.0.0)
    package19137 (1.0.0)
    package19138 (1.0.0)
    package19139 (1.0.0)
    package19140 (1.0.0)
    package19141 (1.0.0)
    package19142 (1.0.0)
    package19143 (1.0.0)
    package19144 (1.0.0)
    package19145 (1.0.0)
    package19146 (1.0.0)
    package19147 (1.0.0)
    package19148 (1.0.0)
    package19149 (1.0.0)
    package19150 (1.0.0)
    package19151 (1.0.0)
    package19152 (1.0.0)
    package19153 (1.0.0)
    package19154 (1.0.0)
    package19155 (1.0.0)
    package19156 (1.0.0)
    package19157 (1.0.0)
    package19158 (1.0.0)
    package19159 (1.0.0)
    package19160 (1.0.0)
    package19161 (1.0.0)
    package19162 (1.0.0)
    package19163 (1.0.0)
    package19164 (1.0.0)
    package19165 (1.0.0)
    package19166 (1.0.0)
    package19167 (1.0.0)
    package19168 (1.0.0)
    package19169 (1.0.0)
    package19170 (1.0.0)
    package19171 (1.0.0)
    package19172 (1.0.0)
    package19173 (1.0.0)
    package19174 (1.0.0)
    package19175 (1.0.0)
    package19176 (1.0.0)
    package19177 (1.0.0)
    package19178 (1.0.0)
    package19179 (1.0.0)
    package19180 (1.0.0)
    package19181 (1.0.0)
    package19182 (1.0.0)
    package19183 (1.0.0)
    package19184 (1.0.0)
    package19185 (1.0.0)
    package19186 (1.0.0)
    package19187 (1.0.0)
    package19188 (1.0.0)
    package19189 (1.0.0)
    package19190 (1.0.0)
    package19191 (1.0.0)
    package19192 (1.0.0)
    package19193 (1.0.0)
    package19194 (1.0.0)
    package19195 (1.0.0)
    package19196 (1.0.0)
    package19197 (1.0.0)
    package19198 (1.0.0)
    package19199 (1.0.0)
    package19200 (1.0.0)
    package19201 (1.0.0)
    package19202 (1.0.0)
    package19203 (1.0.0)
    package19204 (1.0.0)
    package19205 (1.0.0)
    package19206 (1.0.0)
    package19207 (1.0.0)
    package19208 (1.0.0)
    package19209 (1.0.0)
    package19210 (1.0.0)
    package19211 (1.0.0)
    package19212 (1.0.0)
    package19213 (1.0.0)
    package19214 (1.0.0)
    package19215 (1.0.0)
    package19216 (1.0.0)
    package19217 (1.0.0)
    package19218 (1.0.0)
    package19219 (1.0.0)
    package19220 (1.0.0)
    package19221 (1.0.0)
    package19222 (1.0.0)
    package19223 (1.0.0)
    package19224 (1.0.0)
    package19225 (1.0.0)
    package19226 (1.0.0)
    package19227 (1.0.0)
    package19228 (1.0.0)
    package19229 (1.0.0)
    package19230 (1.0.0)
    package19231 (1.0.0)
    package19232 (1.0.0)
    package19233 (1.0.0)
    package19234 (1.0.0)
    package19235 (1.0.0)
    package19236 (1.0.0)
    package19237 (1.0.0)
    package19238 (1.0.0)
    package19239 (1.0.0)
    package19240 (1.0.0)
    package19241 (1.0.0)
    package19242 (1.0.0)
    package19243 (1.0.0)
    package19244 (1.0.0)
    package19245 (1.0.0)
    package19246 (1.0.0)
    package19247 (1.0.0)
    package19248 (1.0.0)
    package19249 (1.0.0)
    package19250 (1.0.0)
    package19251 (1.0.0)
    package19252 (1.0.0)
    package19253 (1.0.0)
    package19254 (1.0.0)
    package19255 (1.0.0)
    package19256 (1.0.0)
    package19257 (1.0.0)
    package19258 (1.0.0)
    package19259 (1.0.0)
    package19260 (1.0.0)
    package19261 (1.0.0)
    package19262 (1.0.0)
    package19263 (1.0.0)
    package19264 (1.0.0)
    package19265 (1.0.0)
    package19266 (1.0.0)
    package19267 (1.0.0)
    package19268 (1.0.0)
    package19269 (1.0.0)
    package19270 (1.0.0)
    package19271 (1.0.0)
    package19272 (1.0.0)
    package19273 (1.0.0)
    package19274 (1.0.0)
    package19275 (1.0.0)
    package19276 (1.0.0)
    package19277 (1.0.0)
    package19278 (1.0.0)
    package19279 (1.0.0)
    package19280 (1.0.0)
    package19281 (1.0.0)
    package19282 (1.0.0)
    package19283 (1.0.0)
    package19284 (1.0.0)
    package19285 (1.0.0)
    package19286 (1.0.0)
    package19287 (1.0.0)
    package19288 (1.0.0)
    package19289 (1.0.0)
    package19290 (1.0.0)
    package19291 (1.0.0)
    package19292 (1.0.0)
    package19293 (1.0.0)
    package19294 (1.0.0)
    package19295 (1.0.0)
    package19296 (1.0.0)
    package19297 (1.0.0)
    package19298 (1.0.0)
    package19299 (1.0.0)
    package19300 (1.0.0)
    package19301 (1.0.0)
    package19302 (1.0.0)
    package19303 (1.0.0)
    package19304 (1.0.0)
    package19305 (1.0.0)
    package19306 (1.0.0)
    package19307 (1.0.0)
    package19308 (1.0.0)
    package19309 (1.0.0)
    package19310 (1.0.0)
    package19311 (1.0.0)
    package19312 (1.0.0)
    package19313 (1.0.0)
    package19314 (1.0.0)
    package19315 (1.0.0)
    package19316 (1.0.0)
    package19317 (1.0.0)
    package19318 (1.0.0)
    package19319 (1.0.0)
    package19320 (1.0.0)
    package19321 (1.0.0)
    package19322 (1.0.0)
    package19323 (1.0.0)
    package19324 (1.0.0)
    package19325 (1.0.0)
    package19326 (1.0.0)
    package19327 (1.0.0)
    package19328 (1.0.0)
    package19329 (1.0.0)
    package19330 (1.0.0)
    package19331 (1.0.0)
    package19332 (1.0.0)
    package19333 (1.0.0)
    package19334 (1.0.0)
    package19335 (1.0.0)
    package19336 (1.0.0)
    package19337 (1.0.0)
    package19338 (1.0.0)
    package19339 (1.0.0)
    package19340 (1.0.0)
    package19341 (1.0.0)
    package19342 (1.0.0)
    package19343 (1.0.0)
    package19344 (1.0.0)
    package19345 (1.0.0)
    package19346 (1.0.0)
    package19347 (1.0.0)
    package19348 (1.0.0)
    package19349 (1.0.0)
    package19350 (1.0.0)
    package19351 (1.0.0)
    package19352 (1.0.0)
    package19353 (1.0.0)
    package19354 (1.0.0)
    package19355 (1.0.0)
    package19356 (1.0.0)
    package19357 (1.0.0)
    package19358 (1.0.0)
    package19359 (1.0.0)
    package19360 (1.0.0)
    package19361 (1.0.0)
    package19362 (1.0.0)
    package19363 (1.0.0)
    package19364 (1.0.0)
    package19365 (1.0.0)
    package19366 (1.0.0)
    package19367 (1.0.0)
    package19368 (1.0.0)
    package19369 (1.0.0)
    package19370 (1.0.0)
    package19371 (1.0.0)
    package19372 (1.0.0)
    package19373 (1.0.0)
    package19374 (1.0.0)
    package19375 (1.0.0)
    package19376 (1.0.0)
    package19377 (1.0.0)
    package19378 (1.0.0)
    package19379 (1.0.0)
    package19380 (1.0.0)
    package19381 (1.0.0)
    package19382 (1.0.0)
    package19383 (1.0.0)
    package19384 (1.0.0)
    package19385 (1.0.0)
    package19386 (1.0.0)
    package19387 (1.0.0)
    package19388 (1.0.0)
    package19389 (1.0.0)
    package19390 (1.0.0)
    package19391 (1.0.0)
    package19392 (1.0.0)
    package19393 (1.0.0)
    package19394 (1.0.0)
    package19395 (1.0.0)
    package19396 (1.0.0)
    package19397 (1.0.0)
    package19398 (1.0.0)
    package19399 (1.0.0)
    package19400 (1.0.0)
    package19401 (1.0.0)
    package19402 (1.0.0)
    package19403 (1.0.0)
    package19404 (1.0.0)
    package19405 (1.0.0)
    package19406 (1.0.0)
    package19407 (1.0.0)
    package19408 (1.0.0)
    package19409 (1.0.0)
    package19410 (1.0.0)
    package19411 (1.0.0)
    package19412 (1.0.0)
    package19413 (1.0.0)
    package19414 (1.0.0)
    package19415 (1.0.0)
    package19416 (1.0.0)
    package19417 (1.0.0)
    package19418 (1.0.0)
    package19419 (1.0.0)
    package19420 (1.0.0)
    package19421 (1.0.0)
    package19422 (1.0.0)
    package19423 (1.0.0)
    package19424 (1.0.0)
    package19425 (1.0.0)
    package19426 (1.0.0)
    package19427 (1.0.0)
    package19428 (1.0.0)
    package19429 (1.0.0)
    package19430 (1.0.0)
    package19431 (1.0.0)
    package19432 (1.0.0)
    package19433 (1.0.0)
    package19434 (1.0.0)
    package19435 (1.0.0)
    package19436 (1.0.0)
    package19437 (1.0.0)
    package19438 (1.0.0)
    package19439 (1.0.0)
    package19440 (1.0.0)
    package19441 (1.0.0)
    package19442 (1.0.0)
    package19443 (1.0.0)
    package19444 (1.0.0)
    package19445 (1.0.0)
    package19446 (1.0.0)
    package19447 (1.0.0)
    package19448 (1.0.0)
    package19449 (1.0.0)
    package19450 (1.0.0)
    package19451 (1.0.0)
    package19452 (1.0.0)
    package19453 (1.0.0)
    package19454 (1.0.0)
    package19455 (1.0.0)
    package19456 (1.0.0)
    package19457 (1.0.0)
    package19458 (1.0.0)
    package19459 (1.0.0)
    package19460 (1.0.0)
    package19461 (1.0.0)
    package19462 (1.0.0)
    package19463 (1.0.0)
    package19464 (1.0.0)
    package19465 (1.0.0)
    package19466 (1.0.0)
    package19467 (1.0.0)
    package19468 (1.0.0)
    package19469 (1.0.0)
    package19470 (1.0.0)
    package19471 (1.0.0)
    package19472 (1.0.0)
    package19473 (1.0.0)
    package19474 (1.0.0)
    package19475 (1.0.0)
    package19476 (1.0.0)
    package19477 (1.0.0)
    package19478 (1.0.0)
    package19479 (1.0.0)
    package19480 (1.0.0)
    package19481 (1.0.0)
    package19482 (1.0.0)
    package19483 (1.0.0)
    package19484 (1.0.0)
    package19485 (1.0.0)
    package19486 (1.0.0)
    package19487 (1.0.0)
    package19488 (1.0.0)
    package19489 (1.0.0)
    package19490 (1.0.0)
    package19491 (1.0.0)
    package19492 (1.0.0)
    package19493 (1.0.0)
    package19494 (1.0.0)
    package19495 (1.0.0)
    package19496 (1.0.0)
    package19497 (1.0.0)
    package19498 (1.0.0)
    package19499 (1.0.0)
    package19500 (1.0.0)
    package19501 (1.0.0)
    package19502 (1.0.0)
    package19503 (1.0.0)
    package19504 (1.0.0)
    package19505 (1.0.0)
    package19506 (1.0.0)
    package19507 (1.0.0)
    package19508 (1.0.0)
    package19509 (1.0.0)
    package19510 (1.0.0)
    package19511 (1.0.0)
    package19512 (1.0.0)
    package19513 (1.0.0)
    package19514 (1.0.0)
    package19515 (1.0.0)
    package19516 (1.0.0)
    package19517 (1.0.0)
    package19518 (1.0.0)
    package19519 (1.0.0)
    package19520 (1.0.0)
    package19521 (1.0.0)
    package19522 (1.0.0)
    package19523 (1.0.0)
    package19524 (1.0.0)
    package19525 (1.0.0)
    package19526 (1.0.0)
    package19527 (1.0.0)
    package19528 (1.0.0)
    package19529 (1.0.0)
    package19530 (1.0.0)
    package19531 (1.0.0)
    package19532 (1.0.0)
    package19533 (1.0.0)
    package19534 (1.0.0)
    package19535 (1.0.0)
    package19536 (1.0.0)
    package19537 (1.0.0)
    package19538 (1.0.0)
    package19539 (1.0.0)
    package19540 (1.0.0)
    package19541 (1.0.0)
    package19542 (1.0.0)
    package19543 (1.0.0)
    package19544 (1.0.0)
    package19545 (1.0.0)
    package19546 (1.0.0)
    package19547 (1.0.0)
    package19548 (1.0.0)
    package19549 (1.0.0)
    package19550 (1.0.0)
    package19551 (1.0.0)
    package19552 (1.0.0)
    package19553 (1.0.0)
    package19554 (1.0.0)
    package19555 (1.0.0)
    package19556 (1.0.0)
    package19557 (1.0.0)
    package19558 (1.0.0)
    package19559 (1.0.0)
    package19560 (1.0.0)
    package19561 (1.0.0)
    package19562 (1.0.0)
    package19563 (1.0.0)
    package19564 (1.0.0)
    package19565 (1.0.0)
    package19566 (1.0.0)
    package19567 (1.0.0)
    package19568 (1.0.0)
    package19569 (1.0.0)
    package19570 (1.0.0)
    package19571 (1.0.0)
    package19572 (1.0.0)
    package19573 (1.0.0)
    package19574 (1.0.0)
    package19575 (1.0.0)
    package19576 (1.0.0)
    package19577 (1.0.0)
    package19578 (1.0.0)
    package19579 (1.0.0)
    package19580 (1.0.0)
    package19581 (1.0.0)
    package19582 (1.0.0)
    package19583 (1.0.0)
    package19584 (1.0.0)
    package19585 (1.0.0)
    package19586 (1.0.0)
    package19587 (1.0.0)
    package19588 (1.0.0)
    package19589 (1.0.0)
    package19590 (1.0.0)
    package19591 (1.0.0)
    package19592 (1.0.0)
    package19593 (1.0.0)
    package19594 (1.0.0)
    package19595 (1.0.0)
    package19596 (1.0.0)
    package19597 (1.0.0)
    package19598 (1.0.0)
    package19599 (1.0.0)
    package19600 (1.0.0)
    package19601 (1.0.0)
    package19602 (1.0.0)
    package19603 (1.0.0)
    package19604 (1.0.0)
    package19605 (1.0.0)
    package19606 (1.0.0)
    package19607 (1.0.0)
    package19608 (1.0.0)
    package19609 (1.0.0)
    package19610 (1.0.0)
    package19611 (1.0.0)
    package19612 (1.0.0)
    package19613 (1.0.0)
    package19614 (1.0.0)
    package19615 (1.0.0)
    package19616 (1.0.0)
    package19617 (1.0.0)
    package19618 (1.0.0)
    package19619 (1.0.0)
    package19620 (1.0.0)
    package19621 (1.0.0)
    package19622 (1.0.0)
    package19623 (1.0.0)
    package19624 (1.0.0)
    package19625 (1.0.0)
    package19626 (1.0.0)
    package19627 (1.0.0)
    package19628 (1.0.0)
    package19629 (1.0.0)
    package19630 (1.0.0)
    package19631 (1.0.0)
    package19632 (1.0.0)
    package19633 (1.0.0)
    package19634 (1.0.0)
    package19635 (1.0.0)
    package19636 (1.0.0)
    package19637 (1.0.0)
    package19638 (1.0.0)
    package19639 (1.0.0)
    package19640 (1.0.0)
    package19641 (1.0.0)
    package19642 (1.0.0)
    package19643 (1.0.0)
    package19644 (1.0.0)
    package19645 (1.0.0)
    package19646 (1.0.0)
    package19647 (1.0.0)
    package19648 (1.0.0)
    package19649 (1.0.0)
    package19650 (1.0.0)
    package19651 (1.0.0)
    package19652 (1.0.0)
    package19653 (1.0.0)
    package19654 (1.0.0)
    package19655 (1.0.0)
    package19656 (1.0.0)
    package19657 (1.0.0)
    package19658 (1.0.0)
    package19659 (1.0.0)
    package19660 (1.0.0)
    package19661 (1.0.0)
    package19662 (1.0.0)
    package19663 (1.0.0)
    package19664 (1.0.0)
    package19665 (1.0.0)
    package19666 (1.0.0)
    package19667 (1.0.0)
    package19668 (1.0.0)
    package19669 (1.0.0)
    package19670 (1.0.0)
    package19671 (1.0.0)
    package19672 (1.0.0)
    package19673 (1.0.0)
    package19674 (1.0.0)
    package19675 (1.0.0)
    package19676 (1.0.0)
    package19677 (1.0.0)
    package19678 (1.0.0)
    package19679 (1.0.0)
    package19680 (1.0.0)
    package19681 (1.0.0)
    package19682 (1.0.0)
    package19683 (1.0.0)
    package19684 (1.0.0)
    package19685 (1.0.0)
    package19686 (1.0.0)
    package19687 (1.0.0)
    package19688 (1.0.0)
    package19689 (1.0.0)
    package19690 (1.0.0)
    package19691 (1.0.0)
    package19692 (1.0.0)
    package19693 (1.0.0)
    package19694 (1.0.0)
    package19695 (1.0.0)
    package19696 (1.0.0)
    package19697 (1.0.0)
    package19698 (1.0.0)
    package19699 (1.0.0)
    package19700 (1.0.0)
    package19701 (1.0.0)
    package19702 (1.0.0)
    package19703 (1.0.0)
    package19704 (1.0.0)
    package19705 (1.0.0)
    package19706 (1.0.0)
    package19707 (1.0.0)
    package19708 (1.0.0)
    package19709 (1.0.0)
    package19710 (1.0.0)
    package19711 (1.0.0)
    package19712 (1.0.0)
    package19713 (1.0.0)
    package19714 (1.0.0)
    package19715 (1.0.0)
    package19716 (1.0.0)
    package19717 (1.0.0)
    package19718 (1.0.0)
    package19719 (1.0.0)
    package19720 (1.0.0)
    package19721 (1.0.0)
    package19722 (1.0.0)
    package19723 (1.0.0)
    package19724 (1.0.0)
    package19725 (1.0.0)
    package19726 (1.0.0)
    package19727 (1.0.0)
    package19728 (1.0.0)
    package19729 (1.0.0)
    package19730 (1.0.0)
    package19731 (1.0.0)
    package19732 (1.0.0)
    package19733 (1.0.0)
    package19734 (1.0.0)
    package19735 (1.0.0)
    package19736 (1.0.0)
    package19737 (1.0.0)
    package19738 (1.0.0)
    package19739 (1.0.0)
    package19740 (1.0.0)
    package19741 (1.0.0)
    package19742 (1.0.0)
    package19743 (1.0.0)
    package19744 (1.0.0)
    package19745 (1.0.0)
    package19746 (1.0.0)
    package19747 (1.0.0)
    package19748 (1.0.0)
    package19749 (1.0.0)
    package19750 (1.0.0)
    package19751 (1.0.0)
    package19752 (1.0.0)
    package19753 (1.0.0)
    package19754 (1.0.0)
    package19755 (1.0.0)
    package19756 (1.0.0)
    package19757 (1.0.0)
    package19758 (1.0.0)
    package19759 (1.0.0)
    package19760 (1.0.0)
    package19761 (1.0.0)
    package19762 (1.0.0)
    package19763 (1.0.0)
    package19764 (1.0.0)
    package19765 (1.0.0)
    package19766 (1.0.0)
    package19767 (1.0.0)
    package19768 (1.0.0)
    package19769 (1.0.0)
    package19770 (1.0.0)
    package19771 (1.0.0)
    package19772 (1.0.0)
    package19773 (1.0.0)
    package19774 (1.0.0)
    package19775 (1.0.0)
    package19776 (1.0.0)
    package19777 (1.0.0)
    package19778 (1.0.0)
    package19779 (1.0.0)
    package19780 (1.0.0)
    package19781 (1.0.0)
    package19782 (1.0.0)
    package19783 (1.0.0)
    package19784 (1.0.0)
    package19785 (1.0.0)
    package19786 (1.0.0)
    package19787 (1.0.0)
    package19788 (1.0.0)
    package19789 (1.0.0)
    package19790 (1.0.0)
    package19791 (1.0.0)
    package19792 (1.0.0)
    package19793 (1.0.0)
    package19794 (1.0.0)
    package19795 (1.0.0)
    package19796 (1.0.0)
    package19797 (1.0.0)
    package19798 (1.0.0)
    package19799 (1.0.0)
    package19800 (1.0.0)
    package19801 (1.0.0)
    package19802 (1.0.0)
    package19803 (1.0.0)
    package19804 (1.0.0)
    package19805 (1.0.0)
    package19806 (1.0.0)
    package19807 (1.0.0)
    package19808 (1.0.0)
    package19809 (1.0.0)
    package19810 (1.0.0)
    package19811 (1.0.0)
    package19812 (1.0.0)
    package19813 (1.0.0)
    package19814 (1.0.0)
    package19815 (1.0.0)
    package19816 (1.0.0)
    package19817 (1.0.0)
    package19818 (1.0.0)
    package19819 (1.0.0)
    package19820 (1.0.0)
    package19821 (1.0.0)
    package19822 (1.0.0)
    package19823 (1.0.0)
    package19824 (1.0.0)
    package19825 (1.0.0)
    package19826 (1.0.0)
    package19827 (1.0.0)
    package19828 (1.0.0)
    package19829 (1.0.0)
    package19830 (1.0.0)
    package19831 (1.0.0)
    package19832 (1.0.0)
    package19833 (1.0.0)
    package19834 (1.0.0)
    package19835 (1.0.0)
    package19836 (1.0.0)
    package19837 (1.0.0)
    package19838 (1.0.0)
    package19839 (1.0.0)
    package19840 (1.0.0)
    package19841 (1.0.0)
    package19842 (1.0.0)
    package19843 (1.0.0)
    package19844 (1.0.0)
    package19845 (1.0.0)
    package19846 (1.0.0)
    package19847 (1.0.0)
    package19848 (1.0.0)
    package19849 (1.0.0)
    package19850 (1.0.0)
    package19851 (1.0.0)
    package19852 (1.0.0)
    package19853 (1.0.0)
    package19854 (1.0.0)
    package19855 (1.0.0)
    package19856 (1.0.0)
    package19857 (1.0.0)
    package19858 (1.0.0)
    package19859 (1.0.0)
    package19860 (1.0.0)
    package19861 (1.0.0)
    package19862 (1.0.0)
    package19863 (1.0.0)
    package19864 (1.0.0)
    package19865 (1.0.0)
    package19866 (1.0.0)
    package19867 (1.0.0)
    package19868 (1.0.0)
    package19869 (1.0.0)
    package19870 (1.0.0)
    package19871 (1.0.0)
    package19872 (1.0.0)
    package19873 (1.0.0)
    package19874 (1.0.0)
    package19875 (1.0.0)
    package19876 (1.0.0)
    package19877 (1.0.0)
    package19878 (1.0.0)
    package19879 (1.0.0)
    package19880 (1.0.0)
    package19881 (1.0.0)
    package19882 (1.0.0)
    package19883 (1.0.0)
    package19884 (1.0.0)
    package19885 (1.0.0)
    package19886 (1.0.0)
    package19887 (1.0.0)
    package19888 (1.0.0)
    package19889 (1.0.0)
    package19890 (1.0.0)
    package19891 (1.0.0)
    package19892 (1.0.0)
    package19893 (1.0.0)
    package19894 (1.0.0)
    package19895 (1.0.0)
    package19896 (1.0.0)
    package19897 (1.0.0)
    package19898 (1.0.0)
    package19899 (1.0.0)
    package19900 (1.0.0)
    package19901 (1.0.0)
    package19902 (1.0.0)
    package19903 (1.0.0)
    package19904 (1.0.0)
    package19905 (1.0.0)
    package19906 (1.0.0)
    package19907 (1.0.0)
    package19908 (1.0.0)
    package19909 (1.0.0)
    package19910 (1.0.0)
    package19911 (1.0.0)
    package19912 (1.0.0)
    package19913 (1.0.0)
    package19914 (1.0.0)
    package19915 (1.0.0)
    package19916 (1.0.0)
    package19917 (1.0.0)
    package19918 (1.0.0)
    package19919 (1.0.0)
    package19920 (1.0.0)
    package19921 (1.0.0)
    package19922 (1.0.0)
    package19923 (1.0.0)
    package19924 (1.0.0)
    package19925 (1.0.0)
    package19926 (1.0.0)
    package19927 (1.0.0)
    package19928 (1.0.0)
    package19929 (1.0.0)
    package19930 (1.0.0)
    package19931 (1.0.0)
    package19932 (1.0.0)
    package19933 (1.0.0)
    package19934 (1.0.0)
    package19935 (1.0.0)
    package19936 (1.0.0)
    package19937 (1.0.0)
    package19938 (1.0.0)
    package19939 (1.0.0)
    package19940 (1.0.0)
    package19941 (1.0.0)
    package19942 (1.0.0)
    package19943 (1.0.0)
    package19944 (1.0.0)
    package19945 (1.0.0)
    package19946 (1.0.0)
    package19947 (1.0.0)
    package19948 (1.0.0)
    package19949 (1.0.0)
    package19950 (1.0.0)
    package19951 (1.0.0)
    package19952 (1.0.0)
    package19953 (1.0.0)
    package19954 (1.0.0)
    package19955 (1.0.0)
    package19956 (1.0.0)
    package19957 (1.0.0)
    package19958 (1.0.0)
    package19959 (1.0.0)
    package19960 (1.0.0)
    package19961 (1.0.0)
    package19962 (1.0.0)
    package19963 (1.0.0)
    package19964 (1.0.0)
    package19965 (1.0.0)
    package19966 (1.0.0)
    package19967 (1.0.0)
    package19968 (1.0.0)
    package19969 (1.0.0)
    package19970 (1.0.0)
    package19971 (1.0.0)
    package19972 (1.0.0)
    package19973 (1.0.0)
    package19974 (1.0.0)
    package19975 (1.0.0)
    package19976 (1.0.0)
    package19977 (1.0.0)
    package19978 (1.0.0)
    package19979 (1.0.0)
    package19980 (1.0.0)
    package19981 (1.0.0)
    package19982 (1.0.0)
    package19983 (1.0.0)
    package19984 (1.0.0)
    package19985 (1.0.0)
    package19986 (1.0.0)
    package19987 (1.0.0)
    package19988 (1.0.0)
    package19989 (1.0.0)
    package19990 (1.0.0)
    package19991 (1.0.0)
    package19992 (1.0.0)
    package19993 (1.0.0)
    package19994 (1.0.0)
    package19995 (1.0.0)
    package19996 (1.0.0)
    package19997 (1.0.0)
    package19998 (1.0.0)
    package19999 (1.0.0)
    package20000 (1.0.0)
    package20001 (1.0.0)
    package20002 (1.0.0)
    package20003 (1.0.0)
    package20004 (1.0.0)
    package20005 (1.0.0)
    package20006 (1.0.0)
    package20007 (1.0.0)
    package20008 (1.0.0)
    package20009 (1.0.0)
    package20010 (1.0.0)
    package20011 (1.0.0)
    package20012 (1.0.0)
    package20013 (1.0.0)
    package20014 (1.0.0)
    package20015 (1.0.0)
    package20016 (1.0.0)
    package20017 (1.0.0)
    package20018 (1.0.0)
    package20019 (1.0.0)
    package20020 (1.0.0)
    package20021 (1.0.0)
    package20022 (1.0.0)
    package20023 (1.0.0)
    package20024 (1.0.0)
    package20025 (1.0.0)
    package20026 (1.0.0)
    package20027 (1.0.0)
    package20028 (1.0.0)
    package20029 (1.0.0)
    package20030 (1.0.0)
    package20031 (1.0.0)
    package20032 (1.0.0)
    package20033 (1.0.0)
    package20034 (1.0.0)
    package20035 (1.0.0)
    package20036 (1.0.0)
    package20037 (1.0.0)
    package20038 (1.0.0)
    package20039 (1.0.0)
    package20040 (1.0.0)
    package20041 (1.0.0)
    package20042 (1.0.0)
    package20043 (1.0.0)
    package20044 (1.0.0)
    package20045 (1.0.0)
    package20046 (1.0.0)
    package20047 (1.0.0)
    package20048 (1.0.0)
    package20049 (1.0.0)
    package20050 (1.0.0)
    package20051 (1.0.0)
    package20052 (1.0.0)
    package20053 (1.0.0)
    package20054 (1.0.0)
    package20055 (1.0.0)
    package20056 (1.0.0)
    package20057 (1.0.0)
    package20058 (1.0.0)
    package20059 (1.0.0)
    package20060 (1.0.0)
    package20061 (1.0.0)
    package20062 (1.0.0)
    package20063 (1.0.0)
    package20064 (1.0.0)
    package20065 (1.0.0)
    package20066 (1.0.0)
    package20067 (1.0.0)
    package20068 (1.0.0)
    package20069 (1.0.0)
    package20070 (1.0.0)
    package20071 (1.0.0)
    package20072 (1.0.0)
    package20073 (1.0.0)
    package20074 (1.0.0)
    package20075 (1.0.0)
    package20076 (1.0.0)
    package20077 (1.0.0)
    package20078 (1.0.0)
    package20079 (1.0.0)
    package20080 (1.0.0)
    package20081 (1.0.0)
    package20082 (1.0.0)
    package20083 (1.0.0)
    package20084 (1.0.0)
    package20085 (1.0.0)
    package20086 (1.0.0)
    package20087 (1.0.0)
    package20088 (1.0.0)
    package20089 (1.0.0)
    package20090 (1.0.0)
    package20091 (1.0.0)
    package20092 (1.0.0)
    package20093 (1.0.0)
    package20094 (1.0.0)
    package20095 (1.0.0)
    package20096 (1.0.0)
    package20097 (1.0.0)
    package20098 (1.0.0)
    package20099 (1.0.0)
    package20100 (1.0.0)
    package20101 (1.0.0)
    package20102 (1.0.0)
    package20103 (1.0.0)
    package20104 (1.0.0)
    package20105 (1.0.0)
    package20106 (1.0.0)
    package20107 (1.0.0)
    package20108 (1.0.0)
    package20109 (1.0.0)
    package20110 (1.0.0)
    package20111 (1.0.0)
    package20112 (1.0.0)
    package20113 (1.0.0)
    package20114 (1.0.0)
    package20115 (1.0.0)
    package20116 (1.0.0)
    package20117 (1.0.0)
    package20118 (1.0.0)
    package20119 (1.0.0)
    package20120 (1.0.0)
    package20121 (1.0.0)
    package20122 (1.0.0)
    package20123 (1.0.0)
    package20124 (1.0.0)
    package20125 (1.0.0)
    package20126 (1.0.0)
    package20127 (1.0.0)
    package20128 (1.0.0)
    package20129 (1.0.0)
    package20130 (1.0.0)
    package20131 (1.0.0)
    package20132 (1.0.0)
    package20133 (1.0.0)
    package20134 (1.0.0)
    package20135 (1.0.0)
    package20136 (1.0.0)
    package20137 (1.0.0)
    package20138 (1.0.0)
    package20139 (1.0.0)
    package20140 (1.0.0)
    package20141 (1.0.0)
    package20142 (1.0.0)
    package20143 (1.0.0)
    package20144 (1.0.0)
    package20145 (1.0.0)
    package20146 (1.0.0)
    package20147 (1.0.0)
    package20148 (1.0.0)
    package20149 (1.0.0)
    package20150 (1.0.0)
    package20151 (1.0.0)
    package20152 (1.0.0)
    package20153 (1.0.0)
    package20154 (1.0.0)
    package20155 (1.0.0)
    package20156 (1.0.0)
    package20157 (1.0.0)
    package20158 (1.0.0)
    package20159 (1.0.0)
    package20160 (1.0.0)
    package20161 (1.0.0)
    package20162 (1.0.0)
    package20163 (1.0.0)
    package20164 (1.0.0)
    package20165 (1.0.0)
    package20166 (1.0.0)
    package20167 (1.0.0)
    package20168 (1.0.0)
    package20169 (1.0.0)
    package20170 (1.0.0)
    package20171 (1.0.0)
    package20172 (1.0.0)
    package20173 (1.0.0)
    package20174 (1.0.0)
    package20175 (1.0.0)
    package20176 (1.0.0)
    package20177 (1.0.0)
    package20178 (1.0.0)
    package20179 (1.0.0)
    package20180 (1.0.0)
    package20181 (1.0.0)
    package20182 (1.0.0)
    package20183 (1.0.0)
    package20184 (1.0.0)
    package20185 (1.0.0)
    package20186 (1.0.0)
    package20187 (1.0.0)
    package20188 (1.0.0)
    package20189 (1.0.0)
    package20190 (1.0.0)
    package20191 (1.0.0)
    package20192 (1.0.0)
    package20193 (1.0.0)
    package20194 (1.0.0)
    package20195 (1.0.0)
    package20196 (1.0.0)
    package20197 (1.0.0)
    package20198 (1.0.0)
    package20199 (1.0.0)
    package20200 (1.0.0)
    package20201 (1.0.0)
    package20202 (1.0.0)
    package20203 (1.0.0)
    package20204 (1.0.0)
    package20205 (1.0.0)
    package20206 (1.0.0)
    package20207 (1.0.0)
    package20208 (1.0.0)
    package20209 (1.0.0)
    package20210 (1.0.0)
    package20211 (1.0.0)
    package20212 (1.0.0)
    package20213 (1.0.0)
    package20214 (1.0.0)
    package20215 (1.0.0)
    package20216 (1.0.0)
    package20217 (1.0.0)
    package20218 (1.0.0)
    package20219 (1.0.0)
    package20220 (1.0.0)
    package20221 (1.0.0)
    package20222 (1.0.0)
    package20223 (1.0.0)
    package20224 (1.0.0)
    package20225 (1.0.0)
    package20226 (1.0.0)
    package20227 (1.0.0)
    package20228 (1.0.0)
    package20229 (1.0.0)
    package20230 (1.0.0)
    package20231 (1.0.0)
    package20232 (1.0.0)
    package20233 (1.0.0)
    package20234 (1.0.0)
    package20235 (1.0.0)
    package20236 (1.0.0)
    package20237 (1.0.0)
    package20238 (1.0.0)
    package20239 (1.0.0)
    package20240 (1.0.0)
    package20241 (1.0.0)
    package20242 (1.0.0)
    package20243 (1.0.0)
    package20244 (1.0.0)
    package20245 (1.0.0)
    package20246 (1.0.0)
    package20247 (1.0.0)
    package20248 (1.0.0)
    package20249 (1.0.0)
    package20250 (1.0.0)
    package20251 (1.0.0)
    package20252 (1.0.0)
    package20253 (1.0.0)
    package20254 (1.0.0)
    package20255 (1.0.0)
    package20256 (1.0.0)
    package20257 (1.0.0)
    package20258 (1.0.0)
    package20259 (1.0.0)
    package20260 (1.0.0)
    package20261 (1.0.0)
    package20262 (1.0.0)
    package20263 (1.0.0)
    package20264 (1.0.0)
    package20265 (1.0.0)
    package20266 (1.0.0)
    package20267 (1.0.0)
    package20268 (1.0.0)
    package20269 (1.0.0)
    package20270 (1.0.0)
    package20271 (1.0.0)
    package20272 (1.0.0)
    package20273 (1.0.0)
    package20274 (1.0.0)
    package20275 (1.0.0)
    package20276 (1.0.0)
    package20277 (1.0.0)
    package20278 (1.0.0)
    package20279 (1.0.0)
    package20280 (1.0.0)
    package20281 (1.0.0)
    package20282 (1.0.0)
    package20283 (1.0.0)
    package20284 (1.0.0)
    package20285 (1.0.0)
    package20286 (1.0.0)
    package20287 (1.0.0)
    package20288 (1.0.0)
    package20289 (1.0.0)
    package20290 (1.0.0)
    package20291 (1.0.0)
    package20292 (1.0.0)
    package20293 (1.0.0)
    package20294 (1.0.0)
    package20295 (1.0.0)
    package20296 (1.0.0)
    package20297 (1.0.0)
    package20298 (1.0.0)
    package20299 (1.0.0)
    package20300 (1.0.0)
    package20301 (1.0.0)
    package20302 (1.0.0)
    package20303 (1.0.0)
    package20304 (1.0.0)
    package20305 (1.0.0)
    package20306 (1.0.0)
    package20307 (1.0.0)
    package20308 (1.0.0)
    package20309 (1.0.0)
    package20310 (1.0.0)
    package20311 (1.0.0)
    package20312 (1.0.0)
    package20313 (1.0.0)
    package20314 (1.0.0)
    package20315 (1.0.0)
    package20316 (1.0.0)
    package20317 (1.0.0)
    package20318 (1.0.0)
    package20319 (1.0.0)
    package20320 (1.0.0)
    package20321 (1.0.0)
    package20322 (1.0.0)
    package20323 (1.0.0)
    package20324 (1.0.0)
    package20325 (1.0.0)
    package20326 (1.0.0)
    package20327 (1.0.0)
    package20328 (1.0.0)
    package20329 (1.0.0)
    package20330 (1.0.0)
    package20331 (1.0.0)
    package20332 (1.0.0)
    package20333 (1.0.0)
    package20334 (1.0.0)
    package20335 (1.0.0)
    package20336 (1.0.0)
    package20337 (1.0.0)
    package20338 (1.0.0)
    package20339 (1.0.0)
    package20340 (1.0.0)
    package20341 (1.0.0)
    package20342 (1.0.0)
    package20343 (1.0.0)
    package20344 (1.0.0)
    package20345 (1.0.0)
    package20346 (1.0.0)
    package20347 (1.0.0)
    package20348 (1.0.0)
    package20349 (1.0.0)
    package20350 (1.0.0)
    package20351 (1.0.0)
    package20352 (1.0.0)
    package20353 (1.0.0)
    package20354 (1.0.0)
    package20355 (1.0.0)
    package20356 (1.0.0)
    package20357 (1.0.0)
    package20358 (1.0.0)
    package20359 (1.0.0)
    package20360 (1.0.0)
    package20361 (1.0.0)
    package20362 (1.0.0)
    package20363 (1.0.0)
    package20364 (1.0.0)
    package20365 (1.0.0)
    package20366 (1.0.0)
    package20367 (1.0.0)
    package20368 (1.0.0)
    package20369 (1.0.0)
    package20370 (1.0.0)
    package20371 (1.0.0)
    package20372 (1.0.0)
    package20373 (1.0.0)
    package20374 (1.0.0)
    package20375 (1.0.0)
    package20376 (1.0.0)
    package20377 (1.0.0)
    package20378 (1.0.0)
    package20379 (1.0.0)
    package20380 (1.0.0)
    package20381 (1.0.0)
    package20382 (1.0.0)
    package20383 (1.0.0)
    package20384 (1.0.0)
    package20385 (1.0.0)
    package20386 (1.0.0)
    package20387 (1.0.0)
    package20388 (1.0.0)
    package20389 (1.0.0)
    package20390 (1.0.0)
    package20391 (1.0.0)
    package20392 (1.0.0)
    package20393 (1.0.0)
    package20394 (1.0.0)
    package20395 (1.0.0)
    package20396 (1.0.0)
    package20397 (1.0.0)
    package20398 (1.0.0)
    package20399 (1.0.0)
    package20400 (1.0.0)
    package20401 (1.0.0)
    package20402 (1.0.0)
    package20403 (1.0.0)
    package20404 (1.0.0)
    package20405 (1.0.0)
    package20406 (1.0.0)
    package20407 (1.0.0)
    package20408 (1.0.0)
    package20409 (1.0.0)
    package20410 (1.0.0)
    package20411 (1.0.0)
    package20412 (1.0.0)
    package20413 (1.0.0)
    package20414 (1.0.0)
    package20415 (1.0.0)
    package20416 (1.0.0)
    package20417 (1.0.0)
    package20418 (1.0.0)
    package20419 (1.0.0)
    package20420 (1.0.0)
    package20421 (1.0.0)
    package20422 (1.0.0)
    package20423 (1.0.0)
    package20424 (1.0.0)
    package20425 (1.0.0)
    package20426 (1.0.0)
    package20427 (1.0.0)
    package20428 (1.0.0)
    package20429 (1.0.0)
    package20430 (1.0.0)
    package20431 (1.0.0)
    package20432 (1.0.0)
    package20433 (1.0.0)
    package20434 (1.0.0)
    package20435 (1.0.0)
    package20436 (1.0.0)
    package20437 (1.0.0)
    package20438 (1.0.0)
    package20439 (1.0.0)
    package20440 (1.0.0)
    package20441 (1.0.0)
    package20442 (1.0.0)
    package20443 (1.0.0)
    package20444 (1.0.0)
    package20445 (1.0.0)
    package20446 (1.0.0)
    package20447 (1.0.0)
    package20448 (1.0.0)
    package20449 (1.0.0)
    package20450 (1.0.0)
    package20451 (1.0.0)
    package20452 (1.0.0)
    package20453 (1.0.0)
    package20454 (1.0.0)
    package20455 (1.0.0)
    package20456 (1.0.0)
    package20457 (1.0.0)
    package20458 (1.0.0)
    package20459 (1.0.0)
    package20460 (1.0.0)
    package20461 (1.0.0)
    package20462 (1.0.0)
    package20463 (1.0.0)
    package20464 (1.0.0)
    package20465 (1.0.0)
    package20466 (1.0.0)
    package20467 (1.0.0)
    package20468 (1.0.0)
    package20469 (1.0.0)
    package20470 (1.0.0)
    package20471 (1.0.0)
    package20472 (1.0.0)
    package20473 (1.0.0)
    package20474 (1.0.0)
    package20475 (1.0.0)
    package20476 (1.0.0)
    package20477 (1.0.0)
    package20478 (1.0.0)
    package20479 (1.0.0)
    package20480 (1.0.0)
    package20481 (1.0.0)
    package20482 (1.0.0)
    package20483 (1.0.0)
    package20484 (1.0.0)
    package20485 (1.0.0)
    package20486 (1.0.0)
    package20487 (1.0.0)
    package20488 (1.0.0)
    package20489 (1.0.0)
    package20490 (1.0.0)
    package20491 (1.0.0)
    package20492 (1.0.0)
    package20493 (1.0.0)
    package20494 (1.0.0)
    package20495 (1.0.0)
    package20496 (1.0.0)
    package20497 (1.0.0)
    package20498 (1.0.0)
    package20499 (1.0.0)
    package20500 (1.0.0)
    package20501 (1.0.0)
    package20502 (1.0.0)
    package20503 (1.0.0)
    package20504 (1.0.0)
    package20505 (1.0.0)
    package20506 (1.0.0)
    package20507 (1.0.0)
    package20508 (1.0.0)
    package20509 (1.0.0)
    package20510 (1.0.0)
    package20511 (1.0.0)
    package20512 (1.0.0)
    package20513 (1.0.0)
    package20514 (1.0.0)
    package20515 (1.0.0)
    package20516 (1.0.0)
    package20517 (1.0.0)
    package20518 (1.0.0)
    package20519 (1.0.0)
    package20520 (1.0.0)
    package20521 (1.0.0)
    package20522 (1.0.0)
    package20523 (1.0.0)
    package20524 (1.0.0)
    package20525 (1.0.0)
    package20526 (1.0.0)
    package20527 (1.0.0)
    package20528 (1.0.0)
    package20529 (1.0.0)
    package20530 (1.0.0)
    package20531 (1.0.0)
    package20532 (1.0.0)
    package20533 (1.0.0)
    package20534 (1.0.0)
    package20535 (1.0.0)
    package20536 (1.0.0)
    package20537 (1.0.0)
    package20538 (1.0.0)
    package20539 (1.0.0)
    package20540 (1.0.0)
    package20541 (1.0.0)
    package20542 (1.0.0)
    package20543 (1.0.0)
    package20544 (1.0.0)
    package20545 (1.0.0)
    package20546 (1.0.0)
    package20547 (1.0.0)
    package20548 (1.0.0)
    package20549 (1.0.0)
    package20550 (1.0.0)
    package20551 (1.0.0)
    package20552 (1.0.0)
    package20553 (1.0.0)
    package20554 (1.0.0)
    package20555 (1.0.0)
    package20556 (1.0.0)
    package20557 (1.0.0)
    package20558 (1.0.0)
    package20559 (1.0.0)
    package20560 (1.0.0)
    package20561 (1.0.0)
    package20562 (1.0.0)
    package20563 (1.0.0)
    package20564 (1.0.0)
    package20565 (1.0.0)
    package20566 (1.0.0)
    package20567 (1.0.0)
    package20568 (1.0.0)
    package20569 (1.0.0)
    package20570 (1.0.0)
    package20571 (1.0.0)
    package20572 (1.0.0)
    package20573 (1.0.0)
    package20574 (1.0.0)
    package20575 (1.0.0)
    package20576 (1.0.0)
    package20577 (1.0.0)
    package20578 (1.0.0)
    package20579 (1.0.0)
    package20580 (1.0.0)
    package20581 (1.0.0)
    package20582 (1.0.0)
    package20583 (1.0.0)
    package20584 (1.0.0)
    package20585 (1.0.0)
    package20586 (1.0.0)
    package20587 (1.0.0)
    package20588 (1.0.0)
    package20589 (1.0.0)
    package20590 (1.0.0)
    package20591 (1.0.0)
    package20592 (1.0.0)
    package20593 (1.0.0)
    package20594 (1.0.0)
    package20595 (1.0.0)
    package20596 (1.0.0)
    package20597 (1.0.0)
    package20598 (1.0.0)
    package20599 (1.0.0)
    package20600 (1.0.0)
    package20601 (1.0.0)
    package20602 (1.0.0)
    package20603 (1.0.0)
    package20604 (1.0.0)
    package20605 (1.0.0)
    package20606 (1.0.0)
    package20607 (1.0.0)
    package20608 (1.0.0)
    package20609 (1.0.0)
    package20610 (1.0.0)
    package20611 (1.0.0)
    package20612 (1.0.0)
    package20613 (1.0.0)
    package20614 (1.0.0)
    package20615 (1.0.0)
    package20616 (1.0.0)
    package20617 (1.0.0)
    package20618 (1.0.0)
    package20619 (1.0.0)
    package20620 (1.0.0)
    package20621 (1.0.0)
    package20622 (1.0.0)
    package20623 (1.0.0)
    package20624 (1.0.0)
    package20625 (1.0.0)
    package20626 (1.0.0)
    package20627 (1.0.0)
    package20628 (1.0.0)
    package20629 (1.0.0)
    package20630 (1.0.0)
    package20631 (1.0.0)
    package20632 (1.0.0)
    package20633 (1.0.0)
    package20634 (1.0.0)
    package20635 (1.0.0)
    package20636 (1.0.0)
    package20637 (1.0.0)
    package20638 (1.0.0)
    package20639 (1.0.0)
    package20640 (1.0.0)
    package20641 (1.0.0)
    package20642 (1.0.0)
    package20643 (1.0.0)
    package20644 (1.0.0)
    package20645 (1.0.0)
    package20646 (1.0.0)
    package20647 (1.0.0)
    package20648 (1.0.0)
    package20649 (1.0.0)
    package20650 (1.0.0)
    package20651 (1.0.0)
    package20652 (1.0.0)
    package20653 (1.0.0)
    package20654 (1.0.0)
    package20655 (1.0.0)
    package20656 (1.0.0)
    package20657 (1.0.0)
    package20658 (1.0.0)
    package20659 (1.0.0)
    package20660 (1.0.0)
    package20661 (1.0.0)
    package20662 (1.0.0)
    package20663 (1.0.0)
    package20664 (1.0.0)
    package20665 (1.0.0)
    package20666 (1.0.0)
    package20667 (1.0.0)
    package20668 (1.0.0)
    package20669 (1.0.0)
    package20670 (1.0.0)
    package20671 (1.0.0)
    package20672 (1.0.0)
    package20673 (1.0.0)
    package20674 (1.0.0)
    package20675 (1.0.0)
    package20676 (1.0.0)
    package20677 (1.0.0)
    package20678 (1.0.0)
    package20679 (1.0.0)
    package20680 (1.0.0)
    package20681 (1.0.0)
    package20682 (1.0.0)
    package20683 (1.0.0)
    package20684 (1.0.0)
    package20685 (1.0.0)
    package20686 (1.0.0)
    package20687 (1.0.0)
    package20688 (1.0.0)
    package20689 (1.0.0)
    package20690 (1.0.0)
    package20691 (1.0.0)
    package20692 (1.0.0)
    package20693 (1.0.0)
    package20694 (1.0.0)
    package20695 (1.0.0)
    package20696 (1.0.0)
    package20697 (1.0.0)
    package20698 (1.0.0)
    package20699 (1.0.0)
    package20700 (1.0.0)
    package20701 (1.0.0)
    package20702 (1.0.0)
    package20703 (1.0.0)
    package20704 (1.0.0)
    package20705 (1.0.0)
    package20706 (1.0.0)
    package20707 (1.0.0)
    package20708 (1.0.0)
    package20709 (1.0.0)
    package20710 (1.0.0)
    package20711 (1.0.0)
    package20712 (1.0.0)
    package20713 (1.0.0)
    package20714 (1.0.0)
    package20715 (1.0.0)
    package20716 (1.0.0)
    package20717 (1.0.0)
    package20718 (1.0.0)
    package20719 (1.0.0)
    package20720 (1.0.0)
    package20721 (1.0.0)
    package20722 (1.0.0)
    package20723 (1.0.0)
    package20724 (1.0.0)
    package20725 (1.0.0)
    package20726 (1.0.0)
    package20727 (1.0.0)
    package20728 (1.0.0)
    package20729 (1.0.0)
    package20730 (1.0.0)
    package20731 (1.0.0)
    package20732 (1.0.0)
    package20733 (1.0.0)
    package20734 (1.0.0)
    package20735 (1.0.0)
    package20736 (1.0.0)
    package20737 (1.0.0)
    package20738 (1.0.0)
    package20739 (1.0.0)
    package20740 (1.0.0)
    package20741 (1.0.0)
    package20742 (1.0.0)
    package20743 (1.0.0)
    package20744 (1.0.0)
    package20745 (1.0.0)
    package20746 (1.0.0)
    package20747 (1.0.0)
    package20748 (1.0.0)
    package20749 (1.0.0)
    package20750 (1.0.0)
    package20751 (1.0.0)
    package20752 (1.0.0)
    package20753 (1.0.0)
    package20754 (1.0.0)
    package20755 (1.0.0)
    package20756 (1.0.0)
    package20757 (1.0.0)
    package20758 (1.0.0)
    package20759 (1.0.0)
    package20760 (1.0.0)
    package20761 (1.0.0)
    package20762 (1.0.0)
    package20763 (1.0.0)
    package20764 (1.0.0)
    package20765 (1.0.0)
    package20766 (1.0.0)
    package20767 (1.0.0)
    package20768 (1.0.0)
    package20769 (1.0.0)
    package20770 (1.0.0)
    package20771 (1.0.0)
    package20772 (1.0.0)
    package20773 (1.0.0)
    package20774 (1.0.0)
    package20775 (1.0.0)
    package20776 (1.0.0)
    package20777 (1.0.0)
    package20778 (1.0.0)
    package20779 (1.0.0)
    package20780 (1.0.0)
    package20781 (1.0.0)
    package20782 (1.0.0)
    package20783 (1.0.0)
    package20784 (1.0.0)
    package20785 (1.0.0)
    package20786 (1.0.0)
    package20787 (1.0.0)
    package20788 (1.0.0)
    package20789 (1.0.0)
    package20790 (1.0.0)
    package20791 (1.0.0)
    package20792 (1.0.0)
    package20793 (1.0.0)
    package20794 (1.0.0)
    package20795 (1.0.0)
    package20796 (1.0.0)
    package20797 (1.0.0)
    package20798 (1.0.0)
    package20799 (1.0.0)
    package20800 (1.0.0)
    package20801 (1.0.0)
    package20802 (1.0.0)
    package20803 (1.0.0)
    package20804 (1.0.0)
    package20805 (1.0.0)
    package20806 (1.0.0)
    package20807 (1.0.0)
    package20808 (1.0.0)
    package20809 (1.0.0)
    package20810 (1.0.0)
    package20811 (1.0.0)
    package20812 (1.0.0)
    package20813 (1.0.0)
    package20814 (1.0.0)
    package20815 (1.0.0)
    package20816 (1.0.0)
    package20817 (1.0.0)
    package20818 (1.0.0)
    package20819 (1.0.0)
    package20820 (1.0.0)
    package20821 (1.0.0)
    package20822 (1.0.0)
    package20823 (1.0.0)
    package20824 (1.0.0)
    package20825 (1.0.0)
    package20826 (1.0.0)
    package20827 (1.0.0)
    package20828 (1.0.0)
    package20829 (1.0.0)
    package20830 (1.0.0)
    package20831 (1.0.0)
    package20832 (1.0.0)
    package20833 (1.0.0)
    package20834 (1.0.0)
    package20835 (1.0.0)
    package20836 (1.0.0)
    package20837 (1.0.0)
    package20838 (1.0.0)
    package20839 (1.0.0)
    package20840 (1.0.0)
    package20841 (1.0.0)
    package20842 (1.0.0)
    package20843 (1.0.0)
    package20844 (1.0.0)
    package20845 (1.0.0)
    package20846 (1.0.0)
    package20847 (1.0.0)
    package20848 (1.0.0)
    package20849 (1.0.0)
    package20850 (1.0.0)
    package20851 (1.0.0)
    package20852 (1.0.0)
    package20853 (1.0.0)
    package20854 (1.0.0)
    package20855 (1.0.0)
    package20856 (1.0.0)
    package20857 (1.0.0)
    package20858 (1.0.0)
    package20859 (1.0.0)
    package20860 (1.0.0)
    package20861 (1.0.0)
    package20862 (1.0.0)
    package20863 (1.0.0)
    package20864 (1.0.0)
    package20865 (1.0.0)
    package20866 (1.0.0)
    package20867 (1.0.0)
    package20868 (1.0.0)
    package20869 (1.0.0)
    package20870 (1.0.0)
    package20871 (1.0.0)
    package20872 (1.0.0)
    package20873 (1.0.0)
    package20874 (1.0.0)
    package20875 (1.0.0)
    package20876 (1.0.0)
    package20877 (1.0.0)
    package20878 (1.0.0)
    package20879 (1.0.0)
    package20880 (1.0.0)
    package20881 (1.0.0)
    package20882 (1.0.0)
    package20883 (1.0.0)
    package20884 (1.0.0)
    package20885 (1.0.0)
    package20886 (1.0.0)
    package20887 (1.0.0)
    package20888 (1.0.0)
    package20889 (1.0.0)
    package20890 (1.0.0)
    package20891 (1.0.0)
    package20892 (1.0.0)
    package20893 (1.0.0)
    package20894 (1.0.0)
    package20895 (1.0.0)
    package20896 (1.0.0)
    package20897 (1.0.0)
    package20898 (1.0.0)
    package20899 (1.0.0)
    package20900 (1.0.0)
    package20901 (1.0.0)
    package20902 (1.0.0)
    package20903 (1.0.0)
    package20904 (1.0.0)
    package20905 (1.0.0)
    package20906 (1.0.0)
    package20907 (1.0.0)
    package20908 (1.0.0)
    package20909 (1.0.0)
    package20910 (1.0.0)
    package20911 (1.0.0)
    package20912 (1.0.0)
    package20913 (1.0.0)
    package20914 (1.0.0)
    package20915 (1.0.0)
    package20916 (1.0.0)
    package20917 (1.0.0)
    package20918 (1.0.0)
    package20919 (1.0.0)
    package20920 (1.0.0)
    package20921 (1.0.0)
    package20922 (1.0.0)
    package20923 (1.0.0)
    package20924 (1.0.0)
    package20925 (1.0.0)
    package20926 (1.0.0)
    package20927 (1.0.0)
    package20928 (1.0.0)
    package20929 (1.0.0)
    package20930 (1.0.0)
    package20931 (1.0.0)
    package20932 (1.0.0)
    package20933 (1.0.0)
    package20934 (1.0.0)
    package20935 (1.0.0)
    package20936 (1.0.0)
    package20937 (1.0.0)
    package20938 (1.0.0)
    package20939 (1.0.0)
    package20940 (1.0.0)
    package20941 (1.0.0)
    package20942 (1.0.0)
    package20943 (1.0.0)
    package20944 (1.0.0)
    package20945 (1.0.0)
    package20946 (1.0.0)
    package20947 (1.0.0)
    package20948 (1.0.0)
    package20949 (1.0.0)
    package20950 (1.0.0)
    package20951 (1.0.0)
    package20952 (1.0.0)
    package20953 (1.0.0)
    package20954 (1.0.0)
    package20955 (1.0.0)
    package20956 (1.0.0)
    package20957 (1.0.0)
    package20958 (1.0.0)
    package20959 (1.0.0)
    package20960 (1.0.0)
    package20961 (1.0.0)
    package20962 (1.0.0)
    package20963 (1.0.0)
    package20964 (1.0.0)
    package20965 (1.0.0)
    package20966 (1.0.0)
    package20967 (1.0.0)
    package20968 (1.0.0)
    package20969 (1.0.0)
    package20970 (1.0.0)
    package20971 (1.0.0)
    package20972 (1.0.0)
    package20973 (1.0.0)
    package20974 (1.0.0)
    package20975 (1.0.0)
    package20976 (1.0.0)
    package20977 (1.0.0)
    package20978 (1.0.0)
    package20979 (1.0.0)
    package20980 (1.0.0)
    package20981 (1.0.0)
    package20982 (1.0.0)
    package20983 (1.0.0)
    package20984 (1.0.0)
    package20985 (1.0.0)
    package20986 (1.0.0)
    package20987 (1.0.0)
    package20988 (1.0.0)
    package20989 (1.0.0)
    package20990 (1.0.0)
    package20991 (1.0.0)
    package20992 (1.0.0)
    package20993 (1.0.0)
    package20994 (1.0.0)
    package20995 (1.0.0)
    package20996 (1.0.0)
    package20997 (1.0.0)
    package20998 (1.0.0)
    package20999 (1.0.0)
    package21000 (1.0.0)
    package21001 (1.0.0)
    package21002 (1.0.0)
    package21003 (1.0.0)
    package21004 (1.0.0)
    package21005 (1.0.0)
    package21006 (1.0.0)
    package21007 (1.0.0)
    package21008 (1.0.0)
    package21009 (1.0.0)
    package21010 (1.0.0)
    package21011 (1.0.0)
    package21012 (1.0.0)
    package21013 (1.0.0)
    package21014 (1.0.0)
    package21015 (1.0.0)
    package21016 (1.0.0)
    package21017 (1.0.0)
    package21018 (1.0.0)
    package21019 (1.0.0)
    package21020 (1.0.0)
    package21021 (1.0.0)
    package21022 (1.0.0)
    package21023 (1.0.0)
    package21024 (1.0.0)
    package21025 (1.0.0)
    package21026 (1.0.0)
    package21027 (1.0.0)
    package21028 (1.0.0)
    package21029 (1.0.0)
    package21030 (1.0.0)
    package21031 (1.0.0)
    package21032 (1.0.0)
    package21033 (1.0.0)
    package21034 (1.0.0)
    package21035 (1.0.0)
    package21036 (1.0.0)
    package21037 (1.0.0)
    package21038 (1.0.0)
    package21039 (1.0.0)
    package21040 (1.0.0)
    package21041 (1.0.0)
    package21042 (1.0.0)
    package21043 (1.0.0)
    package21044 (1.0.0)
    package21045 (1.0.0)
    package21046 (1.0.0)
    package21047 (1.0.0)
    package21048 (1.0.0)
    package21049 (1.0.0)
    package21050 (1.0.0)
    package21051 (1.0.0)
    package21052 (1.0.0)
    package21053 (1.0.0)
    package21054 (1.0.0)
    package21055 (1.0.0)
    package21056 (1.0.0)
    package21057 (1.0.0)
    package21058 (1.0.0)
    package21059 (1.0.0)
    package21060 (1.0.0)
    package21061 (1.0.0)
    package21062 (1.0.0)
    package21063 (1.0.0)
    package21064 (1.0.0)
    package21065 (1.0.0)
    package21066 (1.0.0)
    package21067 (1.0.0)
    package21068 (1.0.0)
    package21069 (1.0.0)
    package21070 (1.0.0)
    package21071 (1.0.0)
    package21072 (1.0.0)
    package21073 (1.0.0)
    package21074 (1.0.0)
    package21075 (1.0.0)
    package21076 (1.0.0)
    package21077 (1.0.0)
    package21078 (1.0.0)
    package21079 (1.0.0)
    package21080 (1.0.0)
    package21081 (1.0.0)
    package21082 (1.0.0)
    package21083 (1.0.0)
    package21084 (1.0.0)
    package21085 (1.0.0)
    package21086 (1.0.0)
    package21087 (1.0.0)
    package21088 (1.0.0)
    package21089 (1.0.0)
    package21090 (1.0.0)
    package21091 (1.0.0)
    package21092 (1.0.0)
    package21093 (1.0.0)
    package21094 (1.0.0)
    package21095 (1.0.0)
    package21096 (1.0.0)
    package21097 (1.0.0)
    package21098 (1.0.0)
    package21099 (1.0.0)
    package21100 (1.0.0)
    package21101 (1.0.0)
    package21102 (1.0.0)
    package21103 (1.0.0)
    package21104 (1.0.0)
    package21105 (1.0.0)
    package21106 (1.0.0)
    package21107 (1.0.0)
    package21108 (1.0.0)
    package21109 (1.0.0)
    package21110 (1.0.0)
    package21111 (1.0.0)
    package21112 (1.0.0)
    package21113 (1.0.0)
    package21114 (1.0.0)
    package21115 (1.0.0)
    package21116 (1.0.0)
    package21117 (1.0.0)
    package21118 (1.0.0)
    package21119 (1.0.0)
    package21120 (1.0.0)
    package21121 (1.0.0)
    package21122 (1.0.0)
    package21123 (1.0.0)
    package21124 (1.0.0)
    package21125 (1.0.0)
    package21126 (1.0.0)
    package21127 (1.0.0)
    package21128 (1.0.0)
    package21129 (1.0.0)
    package21130 (1.0.0)
    package21131 (1.0.0)
    package21132 (1.0.0)
    package21133 (1.0.0)
    package21134 (1.0.0)
    package21135 (1.0.0)
    package21136 (1.0.0)
    package21137 (1.0.0)
    package21138 (1.0.0)
    package21139 (1.0.0)
    package21140 (1.0.0)
    package21141 (1.0.0)
    package21142 (1.0.0)
    package21143 (1.0.0)
    package21144 (1.0.0)
    package21145 (1.0.0)
    package21146 (1.0.0)
    package21147 (1.0.0)
    package21148 (1.0.0)
    package21149 (1.0.0)
    package21150 (1.0.0)
    package21151 (1.0.0)
    package21152 (1.0.0)
    package21153 (1.0.0)
    package21154 (1.0.0)
    package21155 (1.0.0)
    package21156 (1.0.0)
    package21157 (1.0.0)
    package21158 (1.0.0)
    package21159 (1.0.0)
    package21160 (1.0.0)
    package21161 (1.0.0)
    package21162 (1.0.0)
    package21163 (1.0.0)
    package21164 (1.0.0)
    package21165 (1.0.0)
    package21166 (1.0.0)
    package21167 (1.0.0)
    package21168 (1.0.0)
    package21169 (1.0.0)
    package21170 (1.0.0)
    package21171 (1.0.0)
    package21172 (1.0.0)
    package21173 (1.0.0)
    package21174 (1.0.0)
    package21175 (1.0.0)
    package21176 (1.0.0)
    package21177 (1.0.0)
    package21178 (1.0.0)
    package21179 (1.0.0)
    package21180 (1.0.0)
    package21181 (1.0.0)
    package21182 (1.0.0)
    package21183 (1.0.0)
    package21184 (1.0.0)
    package21185 (1.0.0)
    package21186 (1.0.0)
    package21187 (1.0.0)
    package21188 (1.0.0)
    package21189 (1.0.0)
    package21190 (1.0.0)
    package21191 (1.0.0)
    package21192 (1.0.0)
    package21193 (1.0.0)
    package21194 (1.0.0)
    package21195 (1.0.0)
    package21196 (1.0.0)
    package21197 (1.0.0)
    package21198 (1.0.0)
    package21199 (1.0.0)
    package21200 (1.0.0)
    package21201 (1.0.0)
    package21202 (1.0.0)
    package21203 (1.0.0)
    package21204 (1.0.0)
    package21205 (1.0.0)
    package21206 (1.0.0)
    package21207 (1.0.0)
    package21208 (1.0.0)
    package21209 (1.0.0)
    package21210 (1.0.0)
    package21211 (1.0.0)
    package21212 (1.0.0)
    package21213 (1.0.0)
    package21214 (1.0.0)
    package21215 (1.0.0)
    package21216 (1.0.0)
    package21217 (1.0.0)
    package21218 (1.0.0)
    package21219 (1.0.0)
    package21220 (1.0.0)
    package21221 (1.0.0)
    package21222 (1.0.0)
    package21223 (1.0.0)
    package21224 (1.0.0)
    package21225 (1.0.0)
    package21226 (1.0.0)
    package21227 (1.0.0)
    package21228 (1.0.0)
    package21229 (1.0.0)
    package21230 (1.0.0)
    package21231 (1.0.0)
    package21232 (1.0.0)
    package21233 (1.0.0)
    package21234 (1.0.0)
    package21235 (1.0.0)
    package21236 (1.0.0)
    package21237 (1.0.0)
    package21238 (1.0.0)
    package21239 (1.0.0)
    package21240 (1.0.0)
    package21241 (1.0.0)
    package21242 (1.0.0)
    package21243 (1.0.0)
    package21244 (1.0.0)
    package21245 (1.0.0)
    package21246 (1.0.0)
    package21247 (1.0.0)
    package21248 (1.0.0)
    package21249 (1.0.0)
    package21250 (1.0.0)
    package21251 (1.0.0)
    package21252 (1.0.0)
    package21253 (1.0.0)
    package21254 (1.0.0)
    package21255 (1.0.0)
    package21256 (1.0.0)
    package21257 (1.0.0)
    package21258 (1.0.0)
    package21259 (1.0.0)
    package21260 (1.0.0)
    package21261 (1.0.0)
    package21262 (1.0.0)
    package21263 (1.0.0)
    package21264 (1.0.0)
    package21265 (1.0.0)
    package21266 (1.0.0)
    package21267 (1.0.0)
    package21268 (1.0.0)
    package21269 (1.0.0)
    package21270 (1.0.0)
    package21271 (1.0.0)
    package21272 (1.0.0)
    package21273 (1.0.0)
    package21274 (1.0.0)
    package21275 (1.0.0)
    package21276 (1.0.0)
    package21277 (1.0.0)
    package21278 (1.0.0)
    package21279 (1.0.0)
    package21280 (1.0.0)
    package21281 (1.0.0)
    package21282 (1.0.0)
    package21283 (1.0.0)
    package21284 (1.0.0)
    package21285 (1.0.0)
    package21286 (1.0.0)
    package21287 (1.0.0)
    package21288 (1.0.0)
    package21289 (1.0.0)
    package21290 (1.0.0)
    package21291 (1.0.0)
    package21292 (1.0.0)
    package21293 (1.0.0)
    package21294 (1.0.0)
    package21295 (1.0.0)
    package21296 (1.0.0)
    package21297 (1.0.0)
    package21298 (1.0.0)
    package21299 (1.0.0)
    package21300 (1.0.0)
    package21301 (1.0.0)
    package21302 (1.0.0)
    package21303 (1.0.0)
    package21304 (1.0.0)
    package21305 (1.0.0)
    package21306 (1.0.0)
    package21307 (1.0.0)
    package21308 (1.0.0)
    package21309 (1.0.0)
    package21310 (1.0.0)
    package21311 (1.0.0)
    package21312 (1.0.0)
    package21313 (1.0.0)
    package21314 (1.0.0)
    package21315 (1.0.0)
    package21316 (1.0.0)
    package21317 (1.0.0)
    package21318 (1.0.0)
    package21319 (1.0.0)
    package21320 (1.0.0)
    package21321 (1.0.0)
    package21322 (1.0.0)
    package21323 (1.0.0)
    package21324 (1.0.0)
    package21325 (1.0.0)
    package21326 (1.0.0)
    package21327 (1.0.0)
    package21328 (1.0.0)
    package21329 (1.0.0)
    package21330 (1.0.0)
    package21331 (1.0.0)
    package21332 (1.0.0)
    package21333 (1.0.0)
    package21334 (1.0.0)
    package21335 (1.0.0)
    package21336 (1.0.0)
    package21337 (1.0.0)
    package21338 (1.0.0)
    package21339 (1.0.0)
    package21340 (1.0.0)
    package21341 (1.0.0)
    package21342 (1.0.0)
    package21343 (1.0.0)
    package21344 (1.0.0)
    package21345 (1.0.0)
    package21346 (1.0.0)
    package21347 (1.0.0)
    package21348 (1.0.0)
    package21349 (1.0.0)
    package21350 (1.0.0)
    package21351 (1.0.0)
    package21352 (1.0.0)
    package21353 (1.0.0)
    package21354 (1.0.0)
    package21355 (1.0.0)
    package21356 (1.0.0)
    package21357 (1.0.0)
    package21358 (1.0.0)
    package21359 (1.0.0)
    package21360 (1.0.0)
    package21361 (1.0.0)
    package21362 (1.0.0)
    package21363 (1.0.0)
    package21364 (1.0.0)
    package21365 (1.0.0)
    package21366 (1.0.0)
    package21367 (1.0.0)
    package21368 (1.0.0)
    package21369 (1.0.0)
    package21370 (1.0.0)
    package21371 (1.0.0)
    package21372 (1.0.0)
    package21373 (1.0.0)
    package21374 (1.0.0)
    package21375 (1.0.0)
    package21376 (1.0.0)
    package21377 (1.0.0)
    package21378 (1.0.0)
    package21379 (1.0.0)
    package21380 (1.0.0)
    package21381 (1.0.0)
    package21382 (1.0.0)
    package21383 (1.0.0)
    package21384 (1.0.0)
    package21385 (1.0.0)
    package21386 (1.0.0)
    package21387 (1.0.0)
    package21388 (1.0.0)
    package21389 (1.0.0)
    package21390 (1.0.0)
    package21391 (1.0.0)
    package21392 (1.0.0)
    package21393 (1.0.0)
    package21394 (1.0.0)
    package21395 (1.0.0)
    package21396 (1.0.0)
    package21397 (1.0.0)
    package21398 (1.0.0)
    package21399 (1.0.0)
    package21400 (1.0.0)
    package21401 (1.0.0)
    package21402 (1.0.0)
    package21403 (1.0.0)
    package21404 (1.0.0)
    package21405 (1.0.0)
    package21406 (1.0.0)
    package21407 (1.0.0)
    package21408 (1.0.0)
    package21409 (1.0.0)
    package21410 (1.0.0)
    package21411 (1.0.0)
    package21412 (1.0.0)
    package21413 (1.0.0)
    package21414 (1.0.0)
    package21415 (1.0.0)
    package21416 (1.0.0)
    package21417 (1.0.0)
    package21418 (1.0.0)
    package21419 (1.0.0)
    package21420 (1.0.0)
    package21421 (1.0.0)
    package21422 (1.0.0)
    package21423 (1.0.0)
    package21424 (1.0.0)
    package21425 (1.0.0)
    package21426 (1.0.0)
    package21427 (1.0.0)
    package21428 (1.0.0)
    package21429 (1.0.0)
    package21430 (1.0.0)
    package21431 (1.0.0)
    package21432 (1.0.0)
    package21433 (1.0.0)
    package21434 (1.0.0)
    package21435 (1.0.0)
    package21436 (1.0.0)
    package21437 (1.0.0)
    package21438 (1.0.0)
    package21439 (1.0.0)
    package21440 (1.0.0)
    package21441 (1.0.0)
    package21442 (1.0.0)
    package21443 (1.0.0)
    package21444 (1.0.0)
    package21445 (1.0.0)
    package21446 (1.0.0)
    package21447 (1.0.0)
    package21448 (1.0.0)
    package21449 (1.0.0)
    package21450 (1.0.0)
    package21451 (1.0.0)
    package21452 (1.0.0)
    package21453 (1.0.0)
    package21454 (1.0.0)
    package21455 (1.0.0)
    package21456 (1.0.0)
    package21457 (1.0.0)
    package21458 (1.0.0)
    package21459 (1.0.0)
    package21460 (1.0.0)
    package21461 (1.0.0)
    package21462 (1.0.0)
    package21463 (1.0.0)
    package21464 (1.0.0)
    package21465 (1.0.0)
    package21466 (1.0.0)
    package21467 (1.0.0)
    package21468 (1.0.0)
    package21469 (1.0.0)
    package21470 (1.0.0)
    package21471 (1.0.0)
    package21472 (1.0.0)
    package21473 (1.0.0)
    package21474 (1.0.0)
    package21475 (1.0.0)
    package21476 (1.0.0)
    package21477 (1.0.0)
    package21478 (1.0.0)
    package21479 (1.0.0)
    package21480 (1.0.0)
    package21481 (1.0.0)
    package21482 (1.0.0)
    package21483 (1.0.0)
    package21484 (1.0.0)
    package21485 (1.0.0)
    package21486 (1.0.0)
    package21487 (1.0.0)
    package21488 (1.0.0)
    package21489 (1.0.0)
    package21490 (1.0.0)
    package21491 (1.0.0)
    package21492 (1.0.0)
    package21493 (1.0.0)
    package21494 (1.0.0)
    package21495 (1.0.0)
    package21496 (1.0.0)
    package21497 (1.0.0)
    package21498 (1.0.0)
    package21499 (1.0.0)
    package21500 (1.0.0)
    package21501 (1.0.0)
    package21502 (1.0.0)
    package21503 (1.0.0)
    package21504 (1.0.0)
    package21505 (1.0.0)
    package21506 (1.0.0)
    package21507 (1.0.0)
    package21508 (1.0.0)
    package21509 (1.0.0)
    package21510 (1.0.0)
    package21511 (1.0.0)
    package21512 (1.0.0)
    package21513 (1.0.0)
    package21514 (1.0.0)
    package21515 (1.0.0)
    package21516 (1.0.0)
    package21517 (1.0.0)
    package21518 (1.0.0)
    package21519 (1.0.0)
    package21520 (1.0.0)
    package21521 (1.0.0)
    package21522 (1.0.0)
    package21523 (1.0.0)
    package21524 (1.0.0)
    package21525 (1.0.0)
    package21526 (1.0.0)
    package21527 (1.0.0)
    package21528 (1.0.0)
    package21529 (1.0.0)
    package21530 (1.0.0)
    package21531 (1.0.0)
    package21532 (1.0.0)
    package21533 (1.0.0)
    package21534 (1.0.0)
    package21535 (1.0.0)
    package21536 (1.0.0)
    package21537 (1.0.0)
    package21538 (1.0.0)
    package21539 (1.0.0)
    package21540 (1.0.0)
    package21541 (1.0.0)
    package21542 (1.0.0)
    package21543 (1.0.0)
    package21544 (1.0.0)
    package21545 (1.0.0)
    package21546 (1.0.0)
    package21547 (1.0.0)
    package21548 (1.0.0)
    package21549 (1.0.0)
    package21550 (1.0.0)
    package21551 (1.0.0)
    package21552 (1.0.0)
    package21553 (1.0.0)
    package21554 (1.0.0)
    package21555 (1.0.0)
    package21556 (1.0.0)
    package21557 (1.0.0)
    package21558 (1.0.0)
    package21559 (1.0.0)
    package21560 (1.0.0)
    package21561 (1.0.0)
    package21562 (1.0.0)
    package21563 (1.0.0)
    package21564 (1.0.0)
    package21565 (1.0.0)
    package21566 (1.0.0)
    package21567 (1.0.0)
    package21568 (1.0.0)
    package21569 (1.0.0)
    package21570 (1.0.0)
    package21571 (1.0.0)
    package21572 (1.0.0)
    package21573 (1.0.0)
    package21574 (1.0.0)
    package21575 (1.0.0)
    package21576 (1.0.0)
    package21577 (1.0.0)
    package21578 (1.0.0)
    package21579 (1.0.0)
    package21580 (1.0.0)
    package21581 (1.0.0)
    package21582 (1.0.0)
    package21583 (1.0.0)
    package21584 (1.0.0)
    package21585 (1.0.0)
    package21586 (1.0.0)
    package21587 (1.0.0)
    package21588 (1.0.0)
    package21589 (1.0.0)
    package21590 (1.0.0)
    package21591 (1.0.0)
    package21592 (1.0.0)
    package21593 (1.0.0)
    package21594 (1.0.0)
    package21595 (1.0.0)
    package21596 (1.0.0)
    package21597 (1.0.0)
    package21598 (1.0.0)
    package21599 (1.0.0)
    package21600 (1.0.0)
    package21601 (1.0.0)
    package21602 (1.0.0)
    package21603 (1.0.0)
    package21604 (1.0.0)
    package21605 (1.0.0)
    package21606 (1.0.0)
    package21607 (1.0.0)
    package21608 (1.0.0)
    package21609 (1.0.0)
    package21610 (1.0.0)
    package21611 (1.0.0)
    package21612 (1.0.0)
    package21613 (1.0.0)
    package21614 (1.0.0)
    package21615 (1.0.0)
    package21616 (1.0.0)
    package21617 (1.0.0)
    package21618 (1.0.0)
    package21619 (1.0.0)
    package21620 (1.0.0)
    package21621 (1.0.0)
    package21622 (1.0.0)
    package21623 (1.0.0)
    package21624 (1.0.0)
    package21625 (1.0.0)
    package21626 (1.0.0)
    package21627 (1.0.0)
    package21628 (1.0.0)
    package21629 (1.0.0)
    package21630 (1.0.0)
    package21631 (1.0.0)
    package21632 (1.0.0)
    package21633 (1.0.0)
    package21634 (1.0.0)
    package21635 (1.0.0)
    package21636 (1.0.0)
    package21637 (1.0.0)
    package21638 (1.0.0)
    package21639 (1.0.0)
    package21640 (1.0.0)
    package21641 (1.0.0)
    package21642 (1.0.0)
    package21643 (1.0.0)
    package21644 (1.0.0)
    package21645 (1.0.0)
    package21646 (1.0.0)
    package21647 (1.0.0)
    package21648 (1.0.0)
    package21649 (1.0.0)
    package21650 (1.0.0)
    package21651 (1.0.0)
    package21652 (1.0.0)
    package21653 (1.0.0)
    package21654 (1.0.0)
    package21655 (1.0.0)
    package21656 (1.0.0)
    package21657 (1.0.0)
    package21658 (1.0.0)
    package21659 (1.0.0)
    package21660 (1.0.0)
    package21661 (1.0.0)
    package21662 (1.0.0)
    package21663 (1.0.0)
    package21664 (1.0.0)
    package21665 (1.0.0)
    package21666 (1.0.0)
    package21667 (1.0.0)
    package21668 (1.0.0)
    package21669 (1.0.0)
    package21670 (1.0.0)
    package21671 (1.0.0)
    package21672 (1.0.0)
    package21673 (1.0.0)
    package21674 (1.0.0)
    package21675 (1.0.0)
    package21676 (1.0.0)
    package21677 (1.0.0)
    package21678 (1.0.0)
    package21679 (1.0.0)
    package21680 (1.0.0)
    package21681 (1.0.0)
    package21682 (1.0.0)
    package21683 (1.0.0)
    package21684 (1.0.0)
    package21685 (1.0.0)
    package21686 (1.0.0)
    package21687 (1.0.0)
    package21688 (1.0.0)
    package21689 (1.0.0)
    package21690 (1.0.0)
    package21691 (1.0.0)
    package21692 (1.0.0)
    package21693 (1.0.0)
    package21694 (1.0.0)
    package21695 (1.0.0)
    package21696 (1.0.0)
    package21697 (1.0.0)
    package21698 (1.0.0)
    package21699 (1.0.0)
    package21700 (1.0.0)
    package21701 (1.0.0)
    package21702 (1.0.0)
    package21703 (1.0.0)
    package21704 (1.0.0)
    package21705 (1.0.0)
    package21706 (1.0.0)
    package21707 (1.0.0)
    package21708 (1.0.0)
    package21709 (1.0.0)
    package21710 (1.0.0)
    package21711 (1.0.0)
    package21712 (1.0.0)
    package21713 (1.0.0)
    package21714 (1.0.0)
    package21715 (1.0.0)
    package21716 (1.0.0)
    package21717 (1.0.0)
    package21718 (1.0.0)
    package21719 (1.0.0)
    package21720 (1.0.0)
    package21721 (1.0.0)
    package21722 (1.0.0)
    package21723 (1.0.0)
    package21724 (1.0.0)
    package21725 (1.0.0)
    package21726 (1.0.0)
    package21727 (1.0.0)
    package21728 (1.0.0)
    package21729 (1.0.0)
    package21730 (1.0.0)
    package21731 (1.0.0)
    package21732 (1.0.0)
    package21733 (1.0.0)
    package21734 (1.0.0)
    package21735 (1.0.0)
    package21736 (1.0.0)
    package21737 (1.0.0)
    package21738 (1.0.0)
    package21739 (1.0.0)
    package21740 (1.0.0)
    package21741 (1.0.0)
    package21742 (1.0.0)
    package21743 (1.0.0)
    package21744 (1.0.0)
    package21745 (1.0.0)
    package21746 (1.0.0)
    package21747 (1.0.0)
    package21748 (1.0.0)
    package21749 (1.0.0)
    package21750 (1.0.0)
    package21751 (1.0.0)
    package21752 (1.0.0)
    package21753 (1.0.0)
    package21754 (1.0.0)
    package21755 (1.0.0)
    package21756 (1.0.0)
    package21757 (1.0.0)
    package21758 (1.0.0)
    package21759 (1.0.0)
    package21760 (1.0.0)
    package21761 (1.0.0)
    package21762 (1.0.0)
    package21763 (1.0.0)
    package21764 (1.0.0)
    package21765 (1.0.0)
    package21766 (1.0.0)
    package21767 (1.0.0)
    package21768 (1.0.0)
    package21769 (1.0.0)
    package21770 (1.0.0)
    package21771 (1.0.0)
    package21772 (1.0.0)
    package21773 (1.0.0)
    package21774 (1.0.0)
    package21775 (1.0.0)
    package21776 (1.0.0)
    package21777 (1.0.0)
    package21778 (1.0.0)
    package21779 (1.0.0)
    package21780 (1.0.0)
    package21781 (1.0.0)
    package21782 (1.0.0)
    package21783 (1.0.0)
    package21784 (1.0.0)
    package21785 (1.0.0)
    package21786 (1.0.0)
    package21787 (1.0.0)
    package21788 (1.0.0)
    package21789 (1.0.0)
    package21790 (1.0.0)
    package21791 (1.0.0)
    package21792 (1.0.0)
    package21793 (1.0.0)
    package21794 (1.0.0)
    package21795 (1.0.0)
    package21796 (1.0.0)
    package21797 (1.0.0)
    package21798 (1.0.0)
    package21799 (1.0.0)
    package21800 (1.0.0)
    package21801 (1.0.0)
    package21802 (1.0.0)
    package21803 (1.0.0)
    package21804 (1.0.0)
    package21805 (1.0.0)
    package21806 (1.0.0)
    package21807 (1.0.0)
    package21808 (1.0.0)
    package21809 (1.0.0)
    package21810 (1.0.0)
    package21811 (1.0.0)
    package21812 (1.0.0)
    package21813 (1.0.0)
    package21814 (1.0.0)
    package21815 (1.0.0)
    package21816 (1.0.0)
    package21817 (1.0.0)
    package21818 (1.0.0)
    package21819 (1.0.0)
    package21820 (1.0.0)
    package21821 (1.0.0)
    package21822 (1.0.0)
    package21823 (1.0.0)
    package21824 (1.0.0)
    package21825 (1.0.0)
    package21826 (1.0.0)
    package21827 (1.0.0)
    package21828 (1.0.0)
    package21829 (1.0.0)
    package21830 (1.0.0)
    package21831 (1.0.0)
    package21832 (1.0.0)
    package21833 (1.0.0)
    package21834 (1.0.0)
    package21835 (1.0.0)
    package21836 (1.0.0)
    package21837 (1.0.0)
    package21838 (1.0.0)
    package21839 (1.0.0)
    package21840 (1.0.0)
    package21841 (1.0.0)
    package21842 (1.0.0)
    package21843 (1.0.0)
    package21844 (1.0.0)
    package21845 (1.0.0)
    package21846 (1.0.0)
    package21847 (1.0.0)
    package21848 (1.0.0)
    package21849 (1.0.0)
    package21850 (1.0.0)
    package21851 (1.0.0)
    package21852 (1.0.0)
    package21853 (1.0.0)
    package21854 (1.0.0)
    package21855 (1.0.0)
    package21856 (1.0.0)
    package21857 (1.0.0)
    package21858 (1.0.0)
    package21859 (1.0.0)
    package21860 (1.0.0)
    package21861 (1.0.0)
    package21862 (1.0.0)
    package21863 (1.0.0)
    package21864 (1.0.0)
    package21865 (1.0.0)
    package21866 (1.0.0)
    package21867 (1.0.0)
    package21868 (1.0.0)
    package21869 (1.0.0)
    package21870 (1.0.0)
    package21871 (1.0.0)
    package21872 (1.0.0)
    package21873 (1.0.0)
    package21874 (1.0.0)
    package21875 (1.0.0)
    package21876 (1.0.0)
    package21877 (1.0.0)
    package21878 (1.0.0)
    package21879 (1.0.0)
    package21880 (1.0.0)
    package21881 (1.0.0)
    package21882 (1.0.0)
    package21883 (1.0.0)
    package21884 (1.0.0)
    package21885 (1.0.0)
    package21886 (1.0.0)
    package21887 (1.0.0)
    package21888 (1.0.0)
    package21889 (1.0.0)
    package21890 (1.0.0)
    package21891 (1.0.0)
    package21892 (1.0.0)
    package21893 (1.0.0)
    package21894 (1.0.0)
    package21895 (1.0.0)
    package21896 (1.0.0)
    package21897 (1.0.0)
    package21898 (1.0.0)
    package21899 (1.0.0)
    package21900 (1.0.0)
    package21901 (1.0.0)
    package21902 (1.0.0)
    package21903 (1.0.0)
    package21904 (1.0.0)
    package21905 (1.0.0)
    package21906 (1.0.0)
    package21907 (1.0.0)
    package21908 (1.0.0)
    package21909 (1.0.0)
    package21910 (1.0.0)
    package21911 (1.0.0)
    package21912 (1.0.0)
    package21913 (1.0.0)
    package21914 (1.0.0)
    package21915 (1.0.0)
    package21916 (1.0.0)
    package21917 (1.0.0)
    package21918 (1.0.0)
    package21919 (1.0.0)
    package21920 (1.0.0)
    package21921 (1.0.0)
    package21922 (1.0.0)
    package21923 (1.0.0)
    package21924 (1.0.0)
    package21925 (1.0.0)
    package21926 (1.0.0)
    package21927 (1.0.0)
    package21928 (1.0.0)
    package21929 (1.0.0)
    package21930 (1.0.0)
    package21931 (1.0.0)
    package21932 (1.0.0)
    package21933 (1.0.0)
    package21934 (1.0.0)
    package21935 (1.0.0)
    package21936 (1.0.0)
    package21937 (1.0.0)
    package21938 (1.0.0)
    package21939 (1.0.0)
    package21940 (1.0.0)
    package21941 (1.0.0)
    package21942 (1.0.0)
    package21943 (1.0.0)
    package21944 (1.0.0)
    package21945 (1.0.0)
    package21946 (1.0.0)
    package21947 (1.0.0)
    package21948 (1.0.0)
    package21949 (1.0.0)
    package21950 (1.0.0)
    package21951 (1.0.0)
    package21952 (1.0.0)
    package21953 (1.0.0)
    package21954 (1.0.0)
    package21955 (1.0.0)
    package21956 (1.0.0)
    package21957 (1.0.0)
    package21958 (1.0.0)
    package21959 (1.0.0)
    package21960 (1.0.0)
    package21961 (1.0.0)
    package21962 (1.0.0)
    package21963 (1.0.0)
    package21964 (1.0.0)
    package21965 (1.0.0)
    package21966 (1.0.0)
    package21967 (1.0.0)
    package21968 (1.0.0)
    package21969 (1.0.0)
    package21970 (1.0.0)
    package21971 (1.0.0)
    package21972 (1.0.0)
    package21973 (1.0.0)
    package21974 (1.0.0)
    package21975 (1.0.0)
    package21976 (1.0.0)
    package21977 (1.0.0)
    package21978 (1.0.0)
    package21979 (1.0.0)
    package21980 (1.0.0)
    package21981 (1.0.0)
    package21982 (1.0.0)
    package21983 (1.0.0)
    package21984 (1.0.0)
    package21985 (1.0.0)
    package21986 (1.0.0)
    package21987 (1.0.0)
    package21988 (1.0.0)
    package21989 (1.0.0)
    package21990 (1.0.0)
    package21991 (1.0.0)
    package21992 (1.0.0)
    package21993 (1.0.0)
    package21994 (1.0.0)
    package21995 (1.0.0)
    package21996 (1.0.0)
    package21997 (1.0.0)
    package21998 (1.0.0)
    package21999 (1.0.0)
    package22000 (1.0.0)
    package22001 (1.0.0)
    package22002 (1.0.0)
    package22003 (1.0.0)
    package22004 (1.0.0)
    package22005 (1.0.0)
    package22006 (1.0.0)
    package22007 (1.0.0)
    package22008 (1.0.0)
    package22009 (1.0.0)
    package22010 (1.0.0)
    package22011 (1.0.0)
    package22012 (1.0.0)
    package22013 (1.0.0)
    package22014 (1.0.0)
    package22015 (1.0.0)
    package22016 (1.0.0)
    package22017 (1.0.0)
    package22018 (1.0.0)
    package22019 (1.0.0)
    package22020 (1.0.0)
    package22021 (1.0.0)
    package22022 (1.0.0)
    package22023 (1.0.0)
    package22024 (1.0.0)
    package22025 (1.0.0)
    package22026 (1.0.0)
    package22027 (1.0.0)
    package22028 (1.0.0)
    package22029 (1.0.0)
    package22030 (1.0.0)
    package22031 (1.0.0)
    package22032 (1.0.0)
    package22033 (1.0.0)
    package22034 (1.0.0)
    package22035 (1.0.0)
    package22036 (1.0.0)
    package22037 (1.0.0)
    package22038 (1.0.0)
    package22039 (1.0.0)
    package22040 (1.0.0)
    package22041 (1.0.0)
    package22042 (1.0.0)
    package22043 (1.0.0)
    package22044 (1.0.0)
    package22045 (1.0.0)
    package22046 (1.0.0)
    package22047 (1.0.0)
    package22048 (1.0.0)
    package22049 (1.0.0)
    package22050 (1.0.0)
    package22051 (1.0.0)
    package22052 (1.0.0)
    package22053 (1.0.0)
    package22054 (1.0.0)
    package22055 (1.0.0)
    package22056 (1.0.0)
    package22057 (1.0.0)
    package22058 (1.0.0)
    package22059 (1.0.0)
    package22060 (1.0.0)
    package22061 (1.0.0)
    package22062 (1.0.0)
    package22063 (1.0.0)
    package22064 (1.0.0)
    package22065 (1.0.0)
    package22066 (1.0.0)
    package22067 (1.0.0)
    package22068 (1.0.0)
    package22069 (1.0.0)
    package22070 (1.0.0)
    package22071 (1.0.0)
    package22072 (1.0.0)
    package22073 (1.0.0)
    package22074 (1.0.0)
    package22075 (1.0.0)
    package22076 (1.0.0)
    package22077 (1.0.0)
    package22078 (1.0.0)
    package22079 (1.0.0)
    package22080 (1.0.0)
    package22081 (1.0.0)
    package22082 (1.0.0)
    package22083 (1.0.0)
    package22084 (1.0.0)
    package22085 (1.0.0)
    package22086 (1.0.0)
    package22087 (1.0.0)
    package22088 (1.0.0)
    package22089 (1.0.0)
    package22090 (1.0.0)
    package22091 (1.0.0)
    package22092 (1.0.0)
    package22093 (1.0.0)
    package22094 (1.0.0)
    package22095 (1.0.0)
    package22096 (1.0.0)
    package22097 (1.0.0)
    package22098 (1.0.0)
    package22099 (1.0.0)
    package22100 (1.0.0)
    package22101 (1.0.0)
    package22102 (1.0.0)
    package22103 (1.0.0)
    package22104 (1.0.0)
    package22105 (1.0.0)
    package22106 (1.0.0)
    package22107 (1.0.0)
    package22108 (1.0.0)
    package22109 (1.0.0)
    package22110 (1.0.0)
    package22111 (1.0.0)
    package22112 (1.0.0)
    package22113 (1.0.0)
    package22114 (1.0.0)
    package22115 (1.0.0)
    package22116 (1.0.0)
    package22117 (1.0.0)
    package22118 (1.0.0)
    package22119 (1.0.0)
    package22120 (1.0.0)
    package22121 (1.0.0)
    package22122 (1.0.0)
    package22123 (1.0.0)
    package22124 (1.0.0)
    package22125 (1.0.0)
    package22126 (1.0.0)
    package22127 (1.0.0)
    package22128 (1.0.0)
    package22129 (1.0.0)
    package22130 (1.0.0)
    package22131 (1.0.0)
    package22132 (1.0.0)
    package22133 (1.0.0)
    package22134 (1.0.0)
    package22135 (1.0.0)
    package22136 (1.0.0)
    package22137 (1.0.0)
    package22138 (1.0.0)
    package22139 (1.0.0)
    package22140 (1.0.0)
    package22141 (1.0.0)
    package22142 (1.0.0)
    package22143 (1.0.0)
    package22144 (1.0.0)
    package22145 (1.0.0)
    package22146 (1.0.0)
    package22147 (1.0.0)
    package22148 (1.0.0)
    package22149 (1.0.0)
    package22150 (1.0.0)
    package22151 (1.0.0)
    package22152 (1.0.0)
    package22153 (1.0.0)
    package22154 (1.0.0)
    package22155 (1.0.0)
    package22156 (1.0.0)
    package22157 (1.0.0)
    package22158 (1.0.0)
    package22159 (1.0.0)
    package22160 (1.0.0)
    package22161 (1.0.0)
    package22162 (1.0.0)
    package22163 (1.0.0)
    package22164 (1.0.0)
    package22165 (1.0.0)
    package22166 (1.0.0)
    package22167 (1.0.0)
    package22168 (1.0.0)
    package22169 (1.0.0)
    package22170 (1.0.0)
    package22171 (1.0.0)
    package22172 (1.0.0)
    package22173 (1.0.0)
    package22174 (1.0.0)
    package22175 (1.0.0)
    package22176 (1.0.0)
    package22177 (1.0.0)
    package22178 (1.0.0)
    package22179 (1.0.0)
    package22180 (1.0.0)
    package22181 (1.0.0)
    package22182 (1.0.0)
    package22183 (1.0.0)
    package22184 (1.0.0)
    package22185 (1.0.0)
    package22186 (1.0.0)
    package22187 (1.0.0)
    package22188 (1.0.0)
    package22189 (1.0.0)
    package22190 (1.0.0)
    package22191 (1.0.0)
    package22192 (1.0.0)
    package22193 (1.0.0)
    package22194 (1.0.0)
    package22195 (1.0.0)
    package22196 (1.0.0)
    package22197 (1.0.0)
    package22198 (1.0.0)
    package22199 (1.0.0)
    package22200 (1.0.0)
    package22201 (1.0.0)
    package22202 (1.0.0)
    package22203 (1.0.0)
    package22204 (1.0.0)
    package22205 (1.0.0)
    package22206 (1.0.0)
    package22207 (1.0.0)
    package22208 (1.0.0)
    package22209 (1.0.0)
    package22210 (1.0.0)
    package22211 (1.0.0)
    package22212 (1.0.0)
    package22213 (1.0.0)
    package22214 (1.0.0)
    package22215 (1.0.0)
    package22216 (1.0.0)
    package22217 (1.0.0)
    package22218 (1.0.0)
    package22219 (1.0.0)
    package22220 (1.0.0)
    package22221 (1.0.0)
    package22222 (1.0.0)
    package22223 (1.0.0)
    package22224 (1.0.0)
    package22225 (1.0.0)
    package22226 (1.0.0)
    package22227 (1.0.0)
    package22228 (1.0.0)
    package22229 (1.0.0)
    package22230 (1.0.0)
    package22231 (1.0.0)
    package22232 (1.0.0)
    package22233 (1.0.0)
    package22234 (1.0.0)
    package22235 (1.0.0)
    package22236 (1.0.0)
    package22237 (1.0.0)
    package22238 (1.0.0)
    package22239 (1.0.0)
    package22240 (1.0.0)
    package22241 (1.0.0)
    package22242 (1.0.0)
    package22243 (1.0.0)
    package22244 (1.0.0)
    package22245 (1.0.0)
    package22246 (1.0.0)
    package22247 (1.0.0)
    package22248 (1.0.0)
    package22249 (1.0.0)
    package22250 (1.0.0)
    package22251 (1.0.0)
    package22252 (1.0.0)
    package22253 (1.0.0)
    package22254 (1.0.0)
    package22255 (1.0.0)
    package22256 (1.0.0)
    package22257 (1.0.0)
    package22258 (1.0.0)
    package22259 (1.0.0)
    package22260 (1.0.0)
    package22261 (1.0.0)
    package22262 (1.0.0)
    package22263 (1.0.0)
    package22264 (1.0.0)
    package22265 (1.0.0)
    package22266 (1.0.0)
    package22267 (1.0.0)
    package22268 (1.0.0)
    package22269 (1.0.0)
    package22270 (1.0.0)
    package22271 (1.0.0)
    package22272 (1.0.0)
    package22273 (1.0.0)
    package22274 (1.0.0)
    package22275 (1.0.0)
    package22276 (1.0.0)
    package22277 (1.0.0)
    package22278 (1.0.0)
    package22279 (1.0.0)
    package22280 (1.0.0)
    package22281 (1.0.0)
    package22282 (1.0.0)
    package22283 (1.0.0)
    package22284 (1.0.0)
    package22285 (1.0.0)
    package22286 (1.0.0)
    package22287 (1.0.0)
    package22288 (1.0.0)
    package22289 (1.0.0)
    package22290 (1.0.0)
    package22291 (1.0.0)
    package22292 (1.0.0)
    package22293 (1.0.0)
    package22294 (1.0.0)
    package22295 (1.0.0)
    package22296 (1.0.0)
    package22297 (1.0.0)
    package22298 (1.0.0)
    package22299 (1.0.0)
    package22300 (1.0.0)
    package22301 (1.0.0)
    package22302 (1.0.0)
    package22303 (1.0.0)
    package22304 (1.0.0)
    package22305 (1.0.0)
    package22306 (1.0.0)
    package22307 (1.0.0)
    package22308 (1.0.0)
    package22309 (1.0.0)
    package22310 (1.0.0)
    package22311 (1.0.0)
    package22312 (1.0.0)
    package22313 (1.0.0)
    package22314 (1.0.0)
    package22315 (1.0.0)
    package22316 (1.0.0)
    package22317 (1.0.0)
    package22318 (1.0.0)
    package22319 (1.0.0)
    package22320 (1.0.0)
    package22321 (1.0.0)
    package22322 (1.0.0)
    package22323 (1.0.0)
    package22324 (1.0.0)
    package22325 (1.0.0)
    package22326 (1.0.0)
    package22327 (1.0.0)
    package22328 (1.0.0)
    package22329 (1.0.0)
    package22330 (1.0.0)
    package22331 (1.0.0)
    package22332 (1.0.0)
    package22333 (1.0.0)
    package22334 (1.0.0)
    package22335 (1.0.0)
    package22336 (1.0.0)
    package22337 (1.0.0)
    package22338 (1.0.0)
    package22339 (1.0.0)
    package22340 (1.0.0)
    package22341 (1.0.0)
    package22342 (1.0.0)
    package22343 (1.0.0)
    package22344 (1.0.0)
    package22345 (1.0.0)
    package22346 (1.0.0)
    package22347 (1.0.0)
    package22348 (1.0.0)
    package22349 (1.0.0)
    package22350 (1.0.0)
    package22351 (1.0.0)
    package22352 (1.0.0)
    package22353 (1.0.0)
    package22354 (1.0.0)
    package22355 (1.0.0)
    package22356 (1.0.0)
    package22357 (1.0.0)
    package22358 (1.0.0)
    package22359 (1.0.0)
    package22360 (1.0.0)
    package22361 (1.0.0)
    package22362 (1.0.0)
    package22363 (1.0.0)
    package22364 (1.0.0)
    package22365 (1.0.0)
    package22366 (1.0.0)
    package22367 (1.0.0)
    package22368 (1.0.0)
    package22369 (1.0.0)
    package22370 (1.0.0)
    package22371 (1.0.0)
    package22372 (1.0.0)
    package22373 (1.0.0)
    package22374 (1.0.0)
    package22375 (1.0.0)
    package22376 (1.0.0)
    package22377 (1.0.0)
    package22378 (1.0.0)
    package22379 (1.0.0)
    package22380 (1.0.0)
    package22381 (1.0.0)
    package22382 (1.0.0)
    package22383 (1.0.0)
    package22384 (1.0.0)
    package22385 (1.0.0)
    package22386 (1.0.0)
    package22387 (1.0.0)
    package22388 (1.0.0)
    package22389 (1.0.0)
    package22390 (1.0.0)
    package22391 (1.0.0)
    package22392 (1.0.0)
    package22393 (1.0.0)
    package22394 (1.0.0)
    package22395 (1.0.0)
    package22396 (1.0.0)
    package22397 (1.0.0)
    package22398 (1.0.0)
    package22399 (1.0.0)
    package22400 (1.0.0)
    package22401 (1.0.0)
    package22402 (1.0.0)
    package22403 (1.0.0)
    package22404 (1.0.0)
    package22405 (1.0.0)
    package22406 (1.0.0)
    package22407 (1.0.0)
    package22408 (1.0.0)
    package22409 (1.0.0)
    package22410 (1.0.0)
    package22411 (1.0.0)
    package22412 (1.0.0)
    package22413 (1.0.0)
    package22414 (1.0.0)
    package22415 (1.0.0)
    package22416 (1.0.0)
    package22417 (1.0.0)
    package22418 (1.0.0)
    package22419 (1.0.0)
    package22420 (1.0.0)
    package22421 (1.0.0)
    package22422 (1.0.0)
    package22423 (1.0.0)
    package22424 (1.0.0)
    package22425 (1.0.0)
    package22426 (1.0.0)
    package22427 (1.0.0)
    package22428 (1.0.0)
    package22429 (1.0.0)
    package22430 (1.0.0)
    package22431 (1.0.0)
    package22432 (1.0.0)
    package22433 (1.0.0)
    package22434 (1.0.0)
    package22435 (1.0.0)
    package22436 (1.0.0)
    package22437 (1.0.0)
    package22438 (1.0.0)
    package22439 (1.0.0)
    package22440 (1.0.0)
    package22441 (1.0.0)
    package22442 (1.0.0)
    package22443 (1.0.0)
    package22444 (1.0.0)
    package22445 (1.0.0)
    package22446 (1.0.0)
    package22447 (1.0.0)
    package22448 (1.0.0)
    package22449 (1.0.0)
    package22450 (1.0.0)
    package22451 (1.0.0)
    package22452 (1.0.0)
    package22453 (1.0.0)
    package22454 (1.0.0)
    package22455 (1.0.0)
    package22456 (1.0.0)
    package22457 (1.0.0)
    package22458 (1.0.0)
    package22459 (1.0.0)
    package22460 (1.0.0)
    package22461 (1.0.0)
    package22462 (1.0.0)
    package22463 (1.0.0)
    package22464 (1.0.0)
    package22465 (1.0.0)
    package22466 (1.0.0)
    package22467 (1.0.0)
    package22468 (1.0.0)
    package22469 (1.0.0)
    package22470 (1.0.0)
    package22471 (1.0.0)
    package22472 (1.0.0)
    package22473 (1.0.0)
    package22474 (1.0.0)
    package22475 (1.0.0)
    package22476 (1.0.0)
    package22477 (1.0.0)
    package22478 (1.0.0)
    package22479 (1.0.0)
    package22480 (1.0.0)
    package22481 (1.0.0)
    package22482 (1.0.0)
    package22483 (1.0.0)
    package22484 (1.0.0)
    package22485 (1.0.0)
    package22486 (1.0.0)
    package22487 (1.0.0)
    package22488 (1.0.0)
    package22489 (1.0.0)
    package22490 (1.0.0)
    package22491 (1.0.0)
    package22492 (1.0.0)
    package22493 (1.0.0)
    package22494 (1.0.0)
    package22495 (1.0.0)
    package22496 (1.0.0)
    package22497 (1.0.0)
    package22498 (1.0.0)
    package22499 (1.0.0)
    package22500 (1.0.0)
    package22501 (1.0.0)
    package22502 (1.0.0)
    package22503 (1.0.0)
    package22504 (1.0.0)
    package22505 (1.0.0)
    package22506 (1.0.0)
    package22507 (1.0.0)
    package22508 (1.0.0)
    package22509 (1.0.0)
    package22510 (1.0.0)
    package22511 (1.0.0)
    package22512 (1.0.0)
    package22513 (1.0.0)
    package22514 (1.0.0)
    package22515 (1.0.0)
    package22516 (1.0.0)
    package22517 (1.0.0)
    package22518 (1.0.0)
    package22519 (1.0.0)
    package22520 (1.0.0)
    package22521 (1.0.0)
    package22522 (1.0.0)
    package22523 (1.0.0)
    package22524 (1.0.0)
    package22525 (1.0.0)
    package22526 (1.0.0)
    package22527 (1.0.0)
    package22528 (1.0.0)
    package22529 (1.0.0)
    package22530 (1.0.0)
    package22531 (1.0.0)
    package22532 (1.0.0)
    package22533 (1.0.0)
    package22534 (1.0.0)
    package22535 (1.0.0)
    package22536 (1.0.0)
    package22537 (1.0.0)
    package22538 (1.0.0)
    package22539 (1.0.0)
    package22540 (1.0.0)
    package22541 (1.0.0)
    package22542 (1.0.0)
    package22543 (1.0.0)
    package22544 (1.0.0)
    package22545 (1.0.0)
    package22546 (1.0.0)
    package22547 (1.0.0)
    package22548 (1.0.0)
    package22549 (1.0.0)
    package22550 (1.0.0)
    package22551 (1.0.0)
    package22552 (1.0.0)
    package22553 (1.0.0)
    package22554 (1.0.0)
    package22555 (1.0.0)
    package22556 (1.0.0)
    package22557 (1.0.0)
    package22558 (1.0.0)
    package22559 (1.0.0)
    package22560 (1.0.0)
    package22561 (1.0.0)
    package22562 (1.0.0)
    package22563 (1.0.0)
    package22564 (1.0.0)
    package22565 (1.0.0)
    package22566 (1.0.0)
    package22567 (1.0.0)
    package22568 (1.0.0)
    package22569 (1.0.0)
    package22570 (1.0.0)
    package22571 (1.0.0)
    package22572 (1.0.0)
    package22573 (1.0.0)
    package22574 (1.0.0)
    package22575 (1.0.0)
    package22576 (1.0.0)
    package22577 (1.0.0)
    package22578 (1.0.0)
    package22579 (1.0.0)
    package22580 (1.0.0)
    package22581 (1.0.0)
    package22582 (1.0.0)
    package22583 (1.0.0)
    package22584 (1.0.0)
    package22585 (1.0.0)
    package22586 (1.0.0)
    package22587 (1.0.0)
    package22588 (1.0.0)
    package22589 (1.0.0)
    package22590 (1.0.0)
    package22591 (1.0.0)
    package22592 (1.0.0)
    package22593 (1.0.0)
    package22594 (1.0.0)
    package22595 (1.0.0)
    package22596 (1.0.0)
    package22597 (1.0.0)
    package22598 (1.0.0)
    package22599 (1.0.0)
    package22600 (1.0.0)
    package22601 (1.0.0)
    package22602 (1.0.0)
    package22603 (1.0.0)
    package22604 (1.0.0)
    package22605 (1.0.0)
    package22606 (1.0.0)
    package22607 (1.0.0)
    package22608 (1.0.0)
    package22609 (1.0.0)
    package22610 (1.0.0)
    package22611 (1.0.0)
    package22612 (1.0.0)
    package22613 (1.0.0)
    package22614 (1.0.0)
    package22615 (1.0.0)
    package22616 (1.0.0)
    package22617 (1.0.0)
    package22618 (1.0.0)
    package22619 (1.0.0)
    package22620 (1.0.0)
    package22621 (1.0.0)
    package22622 (1.0.0)
    package22623 (1.0.0)
    package22624 (1.0.0)
    package22625 (1.0.0)
    package22626 (1.0.0)
    package22627 (1.0.0)
    package22628 (1.0.0)
    package22629 (1.0.0)
    package22630 (1.0.0)
    package22631 (1.0.0)
    package22632 (1.0.0)
    package22633 (1.0.0)
    package22634 (1.0.0)
    package22635 (1.0.0)
    package22636 (1.0.0)
    package22637 (1.0.0)
    package22638 (1.0.0)
    package22639 (1.0.0)
    package22640 (1.0.0)
    package22641 (1.0.0)
    package22642 (1.0.0)
    package22643 (1.0.0)
    package22644 (1.0.0)
    package22645 (1.0.0)
    package22646 (1.0.0)
    package22647 (1.0.0)
    package22648 (1.0.0)
    package22649 (1.0.0)
    package22650 (1.0.0)
    package22651 (1.0.0)
    package22652 (1.0.0)
    package22653 (1.0.0)
    package22654 (1.0.0)
    package22655 (1.0.0)
    package22656 (1.0.0)
    package22657 (1.0.0)
    package22658 (1.0.0)
    package22659 (1.0.0)
    package22660 (1.0.0)
    package22661 (1.0.0)
    package22662 (1.0.0)
    package22663 (1.0.0)
    package22664 (1.0.0)
    package22665 (1.0.0)
    package22666 (1.0.0)
    package22667 (1.0.0)
    package22668 (1.0.0)
    package22669 (1.0.0)
    package22670 (1.0.0)
    package22671 (1.0.0)
    package22672 (1.0.0)
    package22673 (1.0.0)
    package22674 (1.0.0)
    package22675 (1.0.0)
    package22676 (1.0.0)
    package22677 (1.0.0)
    package22678 (1.0.0)
    package22679 (1.0.0)
    package22680 (1.0.0)
    package22681 (1.0.0)
    package22682 (1.0.0)
    package22683 (1.0.0)
    package22684 (1.0.0)
    package22685 (1.0.0)
    package22686 (1.0.0)
    package22687 (1.0.0)
    package22688 (1.0.0)
    package22689 (1.0.0)
    package22690 (1.0.0)
    package22691 (1.0.0)
    package22692 (1.0.0)
    package22693 (1.0.0)
    package22694 (1.0.0)
    package22695 (1.0.0)
    package22696 (1.0.0)
    package22697 (1.0.0)
    package22698 (1.0.0)
    package22699 (1.0.0)
    package22700 (1.0.0)
    package22701 (1.0.0)
    package22702 (1.0.0)
    package22703 (1.0.0)
    package22704 (1.0.0)
    package22705 (1.0.0)
    package22706 (1.0.0)
    package22707 (1.0.0)
    package22708 (1.0.0)
    package22709 (1.0.0)
    package22710 (1.0.0)
    package22711 (1.0.0)
    package22712 (1.0.0)
    package22713 (1.0.0)
    package22714 (1.0.0)
    package22715 (1.0.0)
    package22716 (1.0.0)
    package22717 (1.0.0)
    package22718 (1.0.0)
    package22719 (1.0.0)
    package22720 (1.0.0)
    package22721 (1.0.0)
    package22722 (1.0.0)
    package22723 (1.0.0)
    package22724 (1.0.0)
    package22725 (1.0.0)
    package22726 (1.0.0)
    package22727 (1.0.0)
    package22728 (1.0.0)
    package22729 (1.0.0)
    package22730 (1.0.0)
    package22731 (1.0.0)
    package22732 (1.0.0)
    package22733 (1.0.0)
    package22734 (1.0.0)
    package22735 (1.0.0)
    package22736 (1.0.0)
    package22737 (1.0.0)
    package22738 (1.0.0)
    package22739 (1.0.0)
    package22740 (1.0.0)
    package22741 (1.0.0)
    package22742 (1.0.0)
    package22743 (1.0.0)
    package22744 (1.0.0)
    package22745 (1.0.0)
    package22746 (1.0.0)
    package22747 (1.0.0)
    package22748 (1.0.0)
    package22749 (1.0.0)
    package22750 (1.0.0)
    package22751 (1.0.0)
    package22752 (1.0.0)
    package22753 (1.0.0)
    package22754 (1.0.0)
    package22755 (1.0.0)
    package22756 (1.0.0)
    package22757 (1.0.0)
    package22758 (1.0.0)
    package22759 (1.0.0)
    package22760 (1.0.0)
    package22761 (1.0.0)
    package22762 (1.0.0)
    package22763 (1.0.0)
    package22764 (1.0.0)
    package22765 (1.0.0)
    package22766 (1.0.0)
    package22767 (1.0.0)
    package22768 (1.0.0)
    package22769 (1.0.0)
    package22770 (1.0.0)
    package22771 (1.0.0)
    package22772 (1.0.0)
    package22773 (1.0.0)
    package22774 (1.0.0)
    package22775 (1.0.0)
    package22776 (1.0.0)
    package22777 (1.0.0)
    package22778 (1.0.0)
    package22779 (1.0.0)
    package22780 (1.0.0)
    package22781 (1.0.0)
    package22782 (1.0.0)
    package22783 (1.0.0)
    package22784 (1.0.0)
    package22785 (1.0.0)
    package22786 (1.0.0)
    package22787 (1.0.0)
    package22788 (1.0.0)
    package22789 (1.0.0)
    package22790 (1.0.0)
    package22791 (1.0.0)
    package22792 (1.0.0)
    package22793 (1.0.0)
    package22794 (1.0.0)
    package22795 (1.0.0)
    package22796 (1.0.0)
    package22797 (1.0.0)
    package22798 (1.0.0)
    package22799 (1.0.0)
    package22800 (1.0.0)
    package22801 (1.0.0)
    package22802 (1.0.0)
    package22803 (1.0.0)
    package22804 (1.0.0)
    package22805 (1.0.0)
    package22806 (1.0.0)
    package22807 (1.0.0)
    package22808 (1.0.0)
    package22809 (1.0.0)
    package22810 (1.0.0)
    package22811 (1.0.0)
    package22812 (1.0.0)
    package22813 (1.0.0)
    package22814 (1.0.0)
    package22815 (1.0.0)
    package22816 (1.0.0)
    package22817 (1.0.0)
    package22818 (1.0.0)
    package22819 (1.0.0)
    package22820 (1.0.0)
    package22821 (1.0.0)
    package22822 (1.0.0)
    package22823 (1.0.0)
    package22824 (1.0.0)
    package22825 (1.0.0)
    package22826 (1.0.0)
    package22827 (1.0.0)
    package22828 (1.0.0)
    package22829 (1.0.0)
    package22830 (1.0.0)
    package22831 (1.0.0)
    package22832 (1.0.0)
    package22833 (1.0.0)
    package22834 (1.0.0)
    package22835 (1.0.0)
    package22836 (1.0.0)
    package22837 (1.0.0)
    package22838 (1.0.0)
    package22839 (1.0.0)
    package22840 (1.0.0)
    package22841 (1.0.0)
    package22842 (1.0.0)
    package22843 (1.0.0)
    package22844 (1.0.0)
    package22845 (1.0.0)
    package22846 (1.0.0)
    package22847 (1.0.0)
    package22848 (1.0.0)
    package22849 (1.0.0)
    package22850 (1.0.0)
    package22851 (1.0.0)
    package22852 (1.0.0)
    package22853 (1.0.0)
    package22854 (1.0.0)
    package22855 (1.0.0)
    package22856 (1.0.0)
    package22857 (1.0.0)
    package22858 (1.0.0)
    package22859 (1.0.0)
    package22860 (1.0.0)
    package22861 (1.0.0)
    package22862 (1.0.0)
    package22863 (1.0.0)
    package22864 (1.0.0)
    package22865 (1.0.0)
    package22866 (1.0.0)
    package22867 (1.0.0)
    package22868 (1.0.0)
    package22869 (1.0.0)
    package22870 (1.0.0)
    package22871 (1.0.0)
    package22872 (1.0.0)
    package22873 (1.0.0)
    package22874 (1.0.0)
    package22875 (1.0.0)
    package22876 (1.0.0)
    package22877 (1.0.0)
    package22878 (1.0.0)
    package22879 (1.0.0)
    package22880 (1.0.0)
    package22881 (1.0.0)
    package22882 (1.0.0)
    package22883 (1.0.0)
    package22884 (1.0.0)
    package22885 (1.0.0)
    package22886 (1.0.0)
    package22887 (1.0.0)
    package22888 (1.0.0)
    package22889 (1.0.0)
    package22890 (1.0.0)
    package22891 (1.0.0)
    package22892 (1.0.0)
    package22893 (1.0.0)
    package22894 (1.0.0)
    package22895 (1.0.0)
    package22896 (1.0.0)
    package22897 (1.0.0)
    package22898 (1.0.0)
    package22899 (1.0.0)
    package22900 (1.0.0)
    package22901 (1.0.0)
    package22902 (1.0.0)
    package22903 (1.0.0)
    package22904 (1.0.0)
    package22905 (1.0.0)
    package22906 (1.0.0)
    package22907 (1.0.0)
    package22908 (1.0.0)
    package22909 (1.0.0)
    package22910 (1.0.0)
    package22911 (1.0.0)
    package22912 (1.0.0)
    package22913 (1.0.0)
    package22914 (1.0.0)
    package22915 (1.0.0)
    package22916 (1.0.0)
    package22917 (1.0.0)
    package22918 (1.0.0)
    package22919 (1.0.0)
    package22920 (1.0.0)
    package22921 (1.0.0)
    package22922 (1.0.0)
    package22923 (1.0.0)
    package22924 (1.0.0)
    package22925 (1.0.0)
    package22926 (1.0.0)
    package22927 (1.0.0)
    package22928 (1.0.0)
    package22929 (1.0.0)
    package22930 (1.0.0)
    package22931 (1.0.0)
    package22932 (1.0.0)
    package22933 (1.0.0)
    package22934 (1.0.0)
    package22935 (1.0.0)
    package22936 (1.0.0)
    package22937 (1.0.0)
    package22938 (1.0.0)
    package22939 (1.0.0)
    package22940 (1.0.0)
    package22941 (1.0.0)
    package22942 (1.0.0)
    package22943 (1.0.0)
    package22944 (1.0.0)
    package22945 (1.0.0)
    package22946 (1.0.0)
    package22947 (1.0.0)
    package22948 (1.0.0)
    package22949 (1.0.0)
    package22950 (1.0.0)
    package22951 (1.0.0)
    package22952 (1.0.0)
    package22953 (1.0.0)
    package22954 (1.0.0)
    package22955 (1.0.0)
    package22956 (1.0.0)
    package22957 (1.0.0)
    package22958 (1.0.0)
    package22959 (1.0.0)
    package22960 (1.0.0)
    package22961 (1.0.0)
    package22962 (1.0.0)
    package22963 (1.0.0)
    package22964 (1.0.0)
    package22965 (1.0.0)
    package22966 (1.0.0)
    package22967 (1.0.0)
    package22968 (1.0.0)
    package22969 (1.0.0)
    package22970 (1.0.0)
    package22971 (1.0.0)
    package22972 (1.0.0)
    package22973 (1.0.0)
    package22974 (1.0.0)
    package22975 (1.0.0)
    package22976 (1.0.0)
    package22977 (1.0.0)
    package22978 (1.0.0)
    package22979 (1.0.0)
    package22980 (1.0.0)
    package22981 (1.0.0)
    package22982 (1.0.0)
    package22983 (1.0.0)
    package22984 (1.0.0)
    package22985 (1.0.0)
    package22986 (1.0.0)
    package22987 (1.0.0)
    package22988 (1.0.0)
    package22989 (1.0.0)
    package22990 (1.0.0)
    package22991 (1.0.0)
    package22992 (1.0.0)
    package22993 (1.0.0)
    package22994 (1.0.0)
    package22995 (1.0.0)
    package22996 (1.0.0)
    package22997 (1.0.0)
    package22998 (1.0.0)
    package22999 (1.0.0)
    package23000 (1.0.0)
    package23001 (1.0.0)
    package23002 (1.0.0)
    package23003 (1.0.0)
    package23004 (1.0.0)
    package23005 (1.0.0)
    package23006 (1.0.0)
    package23007 (1.0.0)
    package23008 (1.0.0)
    package23009 (1.0.0)
    package23010 (1.0.0)
    package23011 (1.0.0)
    package23012 (1.0.0)
    package23013 (1.0.0)
    package23014 (1.0.0)
    package23015 (1.0.0)
    package23016 (1.0.0)
    package23017 (1.0.0)
    package23018 (1.0.0)
    package23019 (1.0.0)
    package23020 (1.0.0)
    package23021 (1.0.0)
    package23022 (1.0.0)
    package23023 (1.0.0)
    package23024 (1.0.0)
    package23025 (1.0.0)
    package23026 (1.0.0)
    package23027 (1.0.0)
    package23028 (1.0.0)
    package23029 (1.0.0)
    package23030 (1.0.0)
    package23031 (1.0.0)
    package23032 (1.0.0)
    package23033 (1.0.0)
    package23034 (1.0.0)
    package23035 (1.0.0)
    package23036 (1.0.0)
    package23037 (1.0.0)
    package23038 (1.0.0)
    package23039 (1.0.0)
    package23040 (1.0.0)
    package23041 (1.0.0)
    package23042 (1.0.0)
    package23043 (1.0.0)
    package23044 (1.0.0)
    package23045 (1.0.0)
    package23046 (1.0.0)
    package23047 (1.0.0)
    package23048 (1.0.0)
    package23049 (1.0.0)
    package23050 (1.0.0)
    package23051 (1.0.0)
    package23052 (1.0.0)
    package23053 (1.0.0)
    package23054 (1.0.0)
    package23055 (1.0.0)
    package23056 (1.0.0)
    package23057 (1.0.0)
    package23058 (1.0.0)
    package23059 (1.0.0)
    package23060 (1.0.0)
    package23061 (1.0.0)
    package23062 (1.0.0)
    package23063 (1.0.0)
    package23064 (1.0.0)
    package23065 (1.0.0)
    package23066 (1.0.0)
    package23067 (1.0.0)
    package23068 (1.0.0)
    package23069 (1.0.0)
    package23070 (1.0.0)
    package23071 (1.0.0)
    package23072 (1.0.0)
    package23073 (1.0.0)
    package23074 (1.0.0)
    package23075 (1.0.0)
    package23076 (1.0.0)
    package23077 (1.0.0)
    package23078 (1.0.0)
    package23079 (1.0.0)
    package23080 (1.0.0)
    package23081 (1.0.0)
    package23082 (1.0.0)
    package23083 (1.0.0)
    package23084 (1.0.0)
    package23085 (1.0.0)
    package23086 (1.0.0)
    package23087 (1.0.0)
    package23088 (1.0.0)
    package23089 (1.0.0)
    package23090 (1.0.0)
    package23091 (1.0.0)
    package23092 (1.0.0)
    package23093 (1.0.0)
    package23094 (1.0.0)
    package23095 (1.0.0)
    package23096 (1.0.0)
    package23097 (1.0.0)
    package23098 (1.0.0)
    package23099 (1.0.0)
    package23100 (1.0.0)
    package23101 (1.0.0)
    package23102 (1.0.0)
    package23103 (1.0.0)
    package23104 (1.0.0)
    package23105 (1.0.0)
    package23106 (1.0.0)
    package23107 (1.0.0)
    package23108 (1.0.0)
    package23109 (1.0.0)
    package23110 (1.0.0)
    package23111 (1.0.0)
    package23112 (1.0.0)
    package23113 (1.0.0)
    package23114 (1.0.0)
    package23115 (1.0.0)
    package23116 (1.0.0)
    package23117 (1.0.0)
    package23118 (1.0.0)
    package23119 (1.0.0)
    package23120 (1.0.0)
    package23121 (1.0.0)
    package23122 (1.0.0)
    package23123 (1.0.0)
    package23124 (1.0.0)
    package23125 (1.0.0)
    package23126 (1.0.0)
    package23127 (1.0.0)
    package23128 (1.0.0)
    package23129 (1.0.0)
    package23130 (1.0.0)
    package23131 (1.0.0)
    package23132 (1.0.0)
    package23133 (1.0.0)
    package23134 (1.0.0)
    package23135 (1.0.0)
    package23136 (1.0.0)
    package23137 (1.0.0)
    package23138 (1.0.0)
    package23139 (1.0.0)
    package23140 (1.0.0)
    package23141 (1.0.0)
    package23142 (1.0.0)
    package23143 (1.0.0)
    package23144 (1.0.0)
    package23145 (1.0.0)
    package23146 (1.0.0)
    package23147 (1.0.0)
    package23148 (1.0.0)
    package23149 (1.0.0)
    package23150 (1.0.0)
    package23151 (1.0.0)
    package23152 (1.0.0)
    package23153 (1.0.0)
    package23154 (1.0.0)
    package23155 (1.0.0)
    package23156 (1.0.0)
    package23157 (1.0.0)
    package23158 (1.0.0)
    package23159 (1.0.0)
    package23160 (1.0.0)
    package23161 (1.0.0)
    package23162 (1.0.0)
    package23163 (1.0.0)
    package23164 (1.0.0)
    package23165 (1.0.0)
    package23166 (1.0.0)
    package23167 (1.0.0)
    package23168 (1.0.0)
    package23169 (1.0.0)
    package23170 (1.0.0)
    package23171 (1.0.0)
    package23172 (1.0.0)
    package23173 (1.0.0)
    package23174 (1.0.0)
    package23175 (1.0.0)
    package23176 (1.0.0)
    package23177 (1.0.0)
    package23178 (1.0.0)
    package23179 (1.0.0)
    package23180 (1.0.0)
    package23181 (1.0.0)
    package23182 (1.0.0)
    package23183 (1.0.0)
    package23184 (1.0.0)
    package23185 (1.0.0)
    package23186 (1.0.0)
    package23187 (1.0.0)
    package23188 (1.0.0)
    package23189 (1.0.0)
    package23190 (1.0.0)
    package23191 (1.0.0)
    package23192 (1.0.0)
    package23193 (1.0.0)
    package23194 (1.0.0)
    package23195 (1.0.0)
    package23196 (1.0.0)
    package23197 (1.0.0)
    package23198 (1.0.0)
    package23199 (1.0.0)
    package23200 (1.0.0)
    package23201 (1.0.0)
    package23202 (1.0.0)
    package23203 (1.0.0)
    package23204 (1.0.0)
    package23205 (1.0.0)
    package23206 (1.0.0)
    package23207 (1.0.0)
    package23208 (1.0.0)
    package23209 (1.0.0)
    package23210 (1.0.0)
    package23211 (1.0.0)
    package23212 (1.0.0)
    package23213 (1.0.0)
    package23214 (1.0.0)
    package23215 (1.0.0)
    package23216 (1.0.0)
    package23217 (1.0.0)
    package23218 (1.0.0)
    package23219 (1.0.0)
    package23220 (1.0.0)
    package23221 (1.0.0)
    package23222 (1.0.0)
    package23223 (1.0.0)
    package23224 (1.0.0)
    package23225 (1.0.0)
    package23226 (1.0.0)
    package23227 (1.0.0)
    package23228 (1.0.0)
    package23229 (1.0.0)
    package23230 (1.0.0)
    package23231 (1.0.0)
    package23232 (1.0.0)
    package23233 (1.0.0)
    package23234 (1.0.0)
    package23235 (1.0.0)
    package23236 (1.0.0)
    package23237 (1.0.0)
    package23238 (1.0.0)
    package23239 (1.0.0)
    package23240 (1.0.0)
    package23241 (1.0.0)
    package23242 (1.0.0)
    package23243 (1.0.0)
    package23244 (1.0.0)
    package23245 (1.0.0)
    package23246 (1.0.0)
    package23247 (1.0.0)
    package23248 (1.0.0)
    package23249 (1.0.0)
    package23250 (1.0.0)
    package23251 (1.0.0)
    package23252 (1.0.0)
    package23253 (1.0.0)
    package23254 (1.0.0)
    package23255 (1.0.0)
    package23256 (1.0.0)
    package23257 (1.0.0)
    package23258 (1.0.0)
    package23259 (1.0.0)
    package23260 (1.0.0)
    package23261 (1.0.0)
    package23262 (1.0.0)
    package23263 (1.0.0)
    package23264 (1.0.0)
    package23265 (1.0.0)
    package23266 (1.0.0)
    package23267 (1.0.0)
    package23268 (1.0.0)
    package23269 (1.0.0)
    package23270 (1.0.0)
    package23271 (1.0.0)
    package23272 (1.0.0)
    package23273 (1.0.0)
    package23274 (1.0.0)
    package23275 (1.0.0)
    package23276 (1.0.0)
    package23277 (1.0.0)
    package23278 (1.0.0)
    package23279 (1.0.0)
    package23280 (1.0.0)
    package23281 (1.0.0)
    package23282 (1.0.0)
    package23283 (1.0.0)
    package23284 (1.0.0)
    package23285 (1.0.0)
    package23286 (1.0.0)
    package23287 (1.0.0)
    package23288 (1.0.0)
    package23289 (1.0.0)
    package23290 (1.0.0)
    package23291 (1.0.0)
    package23292 (1.0.0)
    package23293 (1.0.0)
    package23294 (1.0.0)
    package23295 (1.0.0)
    package23296 (1.0.0)
    package23297 (1.0.0)
    package23298 (1.0.0)
    package23299 (1.0.0)
    package23300 (1.0.0)
    package23301 (1.0.0)
    package23302 (1.0.0)
    package23303 (1.0.0)
    package23304 (1.0.0)
    package23305 (1.0.0)
    package23306 (1.0.0)
    package23307 (1.0.0)
    package23308 (1.0.0)
    package23309 (1.0.0)
    package23310 (1.0.0)
    package23311 (1.0.0)
    package23312 (1.0.0)
    package23313 (1.0.0)
    package23314 (1.0.0)
    package23315 (1.0.0)
    package23316 (1.0.0)
    package23317 (1.0.0)
    package23318 (1.0.0)
    package23319 (1.0.0)
    package23320 (1.0.0)
    package23321 (1.0.0)
    package23322 (1.0.0)
    package23323 (1.0.0)
    package23324 (1.0.0)
    package23325 (1.0.0)
    package23326 (1.0.0)
    package23327 (1.0.0)
    package23328 (1.0.0)
    package23329 (1.0.0)
    package23330 (1.0.0)
    package23331 (1.0.0)
    package23332 (1.0.0)
    package23333 (1.0.0)
    package23334 (1.0.0)
    package23335 (1.0.0)
    package23336 (1.0.0)
    package23337 (1.0.0)
    package23338 (1.0.0)
    package23339 (1.0.0)
    package23340 (1.0.0)
    package23341 (1.0.0)
    package23342 (1.0.0)
    package23343 (1.0.0)
    package23344 (1.0.0)
    package23345 (1.0.0)
    package23346 (1.0.0)
    package23347 (1.0.0)
    package23348 (1.0.0)
    package23349 (1.0.0)
    package23350 (1.0.0)
    package23351 (1.0.0)
    package23352 (1.0.0)
    package23353 (1.0.0)
    package23354 (1.0.0)
    package23355 (1.0.0)
    package23356 (1.0.0)
    package23357 (1.0.0)
    package23358 (1.0.0)
    package23359 (1.0.0)
    package23360 (1.0.0)
    package23361 (1.0.0)
    package23362 (1.0.0)
    package23363 (1.0.0)
    package23364 (1.0.0)
    package23365 (1.0.0)
    package23366 (1.0.0)
    package23367 (1.0.0)
    package23368 (1.0.0)
    package23369 (1.0.0)
    package23370 (1.0.0)
    package23371 (1.0.0)
    package23372 (1.0.0)
    package23373 (1.0.0)
    package23374 (1.0.0)
    package23375 (1.0.0)
    package23376 (1.0.0)
    package23377 (1.0.0)
    package23378 (1.0.0)
    package23379 (1.0.0)
    package23380 (1.0.0)
    package23381 (1.0.0)
    package23382 (1.0.0)
    package23383 (1.0.0)
    package23384 (1.0.0)
    package23385 (1.0.0)
    package23386 (1.0.0)
    package23387 (1.0.0)
    package23388 (1.0.0)
    package23389 (1.0.0)
    package23390 (1.0.0)
    package23391 (1.0.0)
    package23392 (1.0.0)
    package23393 (1.0.0)
    package23394 (1.0.0)
    package23395 (1.0.0)
    package23396 (1.0.0)
    package23397 (1.0.0)
    package23398 (1.0.0)
    package23399 (1.0.0)
    package23400 (1.0.0)
    package23401 (1.0.0)
    package23402 (1.0.0)
    package23403 (1.0.0)
    package23404 (1.0.0)
    package23405 (1.0.0)
    package23406 (1.0.0)
    package23407 (1.0.0)
    package23408 (1.0.0)
    package23409 (1.0.0)
    package23410 (1.0.0)
    package23411 (1.0.0)
    package23412 (1.0.0)
    package23413 (1.0.0)
    package23414 (1.0.0)
    package23415 (1.0.0)
    package23416 (1.0.0)
    package23417 (1.0.0)
    package23418 (1.0.0)
    package23419 (1.0.0)
    package23420 (1.0.0)
    package23421 (1.0.0)
    package23422 (1.0.0)
    package23423 (1.0.0)
    package23424 (1.0.0)
    package23425 (1.0.0)
    package23426 (1.0.0)
    package23427 (1.0.0)
    package23428 (1.0.0)
    package23429 (1.0.0)
    package23430 (1.0.0)
    package23431 (1.0.0)
    package23432 (1.0.0)
    package23433 (1.0.0)
    package23434 (1.0.0)
    package23435 (1.0.0)
    package23436 (1.0.0)
    package23437 (1.0.0)
    package23438 (1.0.0)
    package23439 (1.0.0)
    package23440 (1.0.0)
    package23441 (1.0.0)
    package23442 (1.0.0)
    package23443 (1.0.0)
    package23444 (1.0.0)
    package23445 (1.0.0)
    package23446 (1.0.0)
    package23447 (1.0.0)
    package23448 (1.0.0)
    package23449 (1.0.0)
    package23450 (1.0.0)
    package23451 (1.0.0)
    package23452 (1.0.0)
    package23453 (1.0.0)
    package23454 (1.0.0)
    package23455 (1.0.0)
    package23456 (1.0.0)
    package23457 (1.0.0)
    package23458 (1.0.0)
    package23459 (1.0.0)
    package23460 (1.0.0)
    package23461 (1.0.0)
    package23462 (1.0.0)
    package23463 (1.0.0)
    package23464 (1.0.0)
    package23465 (1.0.0)
    package23466 (1.0.0)
    package23467 (1.0.0)
    package23468 (1.0.0)
    package23469 (1.0.0)
    package23470 (1.0.0)
    package23471 (1.0.0)
    package23472 (1.0.0)
    package23473 (1.0.0)
    package23474 (1.0.0)
    package23475 (1.0.0)
    package23476 (1.0.0)
    package23477 (1.0.0)
    package23478 (1.0.0)
    package23479 (1.0.0)
    package23480 (1.0.0)
    package23481 (1.0.0)
    package23482 (1.0.0)
    package23483 (1.0.0)
    package23484 (1.0.0)
    package23485 (1.0.0)
    package23486 (1.0.0)
    package23487 (1.0.0)
    package23488 (1.0.0)
    package23489 (1.0.0)
    package23490 (1.0.0)
    package23491 (1.0.0)
    package23492 (1.0.0)
    package23493 (1.0.0)
    package23494 (1.0.0)
    package23495 (1.0.0)
    package23496 (1.0.0)
    package23497 (1.0.0)
    package23498 (1.0.0)
    package23499 (1.0.0)
    package23500 (1.0.0)
    package23501 (1.0.0)
    package23502 (1.0.0)
    package23503 (1.0.0)
    package23504 (1.0.0)
    package23505 (1.0.0)
    package23506 (1.0.0)
    package23507 (1.0.0)
    package23508 (1.0.0)
    package23509 (1.0.0)
    package23510 (1.0.0)
    package23511 (1.0.0)
    package23512 (1.0.0)
    package23513 (1.0.0)
    package23514 (1.0.0)
    package23515 (1.0.0)
    package23516 (1.0.0)
    package23517 (1.0.0)
    package23518 (1.0.0)
    package23519 (1.0.0)
    package23520 (1.0.0)
    package23521 (1.0.0)
    package23522 (1.0.0)
    package23523 (1.0.0)
    package23524 (1.0.0)
    package23525 (1.0.0)
    package23526 (1.0.0)
    package23527 (1.0.0)
    package23528 (1.0.0)
    package23529 (1.0.0)
    package23530 (1.0.0)
    package23531 (1.0.0)
    package23532 (1.0.0)
    package23533 (1.0.0)
    package23534 (1.0.0)
    package23535 (1.0.0)
    package23536 (1.0.0)
    package23537 (1.0.0)
    package23538 (1.0.0)
    package23539 (1.0.0)
    package23540 (1.0.0)
    package23541 (1.0.0)
    package23542 (1.0.0)
    package23543 (1.0.0)
    package23544 (1.0.0)
    package23545 (1.0.0)
    package23546 (1.0.0)
    package23547 (1.0.0)
    package23548 (1.0.0)
    package23549 (1.0.0)
    package23550 (1.0.0)
    package23551 (1.0.0)
    package23552 (1.0.0)
    package23553 (1.0.0)
    package23554 (1.0.0)
    package23555 (1.0.0)
    package23556 (1.0.0)
    package23557 (1.0.0)
    package23558 (1.0.0)
    package23559 (1.0.0)
    package23560 (1.0.0)
    package23561 (1.0.0)
    package23562 (1.0.0)
    package23563 (1.0.0)
    package23564 (1.0.0)
    package23565 (1.0.0)
    package23566 (1.0.0)
    package23567 (1.0.0)
    package23568 (1.0.0)
    package23569 (1.0.0)
    package23570 (1.0.0)
    package23571 (1.0.0)
    package23572 (1.0.0)
    package23573 (1.0.0)
    package23574 (1.0.0)
    package23575 (1.0.0)
    package23576 (1.0.0)
    package23577 (1.0.0)
    package23578 (1.0.0)
    package23579 (1.0.0)
    package23580 (1.0.0)
    package23581 (1.0.0)
    package23582 (1.0.0)
    package23583 (1.0.0)
    package23584 (1.0.0)
    package23585 (1.0.0)
    package23586 (1.0.0)
    package23587 (1.0.0)
    package23588 (1.0.0)
    package23589 (1.0.0)
    package23590 (1.0.0)
    package23591 (1.0.0)
    package23592 (1.0.0)
    package23593 (1.0.0)
    package23594 (1.0.0)
    package23595 (1.0.0)
    package23596 (1.0.0)
    package23597 (1.0.0)
    package23598 (1.0.0)
    package23599 (1.0.0)
    package23600 (1.0.0)
    package23601 (1.0.0)
    package23602 (1.0.0)
    package23603 (1.0.0)
    package23604 (1.0.0)
    package23605 (1.0.0)
    package23606 (1.0.0)
    package23607 (1.0.0)
    package23608 (1.0.0)
    package23609 (1.0.0)
    package23610 (1.0.0)
    package23611 (1.0.0)
    package23612 (1.0.0)
    package23613 (1.0.0)
    package23614 (1.0.0)
    package23615 (1.0.0)
    package23616 (1.0.0)
    package23617 (1.0.0)
    package23618 (1.0.0)
    package23619 (1.0.0)
    package23620 (1.0.0)
    package23621 (1.0.0)
    package23622 (1.0.0)
    package23623 (1.0.0)
    package23624 (1.0.0)
    package23625 (1.0.0)
    package23626 (1.0.0)
    package23627 (1.0.0)
    package23628 (1.0.0)
    package23629 (1.0.0)
    package23630 (1.0.0)
    package23631 (1.0.0)
    package23632 (1.0.0)
    package23633 (1.0.0)
    package23634 (1.0.0)
    package23635 (1.0.0)
    package23636 (1.0.0)
    package23637 (1.0.0)
    package23638 (1.0.0)
    package23639 (1.0.0)
    package23640 (1.0.0)
    package23641 (1.0.0)
    package23642 (1.0.0)
    package23643 (1.0.0)
    package23644 (1.0.0)
    package23645 (1.0.0)
    package23646 (1.0.0)
    package23647 (1.0.0)
    package23648 (1.0.0)
    package23649 (1.0.0)
    package23650 (1.0.0)
    package23651 (1.0.0)
    package23652 (1.0.0)
    package23653 (1.0.0)
    package23654 (1.0.0)
    package23655 (1.0.0)
    package23656 (1.0.0)
    package23657 (1.0.0)
    package23658 (1.0.0)
    package23659 (1.0.0)
    package23660 (1.0.0)
    package23661 (1.0.0)
    package23662 (1.0.0)
    package23663 (1.0.0)
    package23664 (1.0.0)
    package23665 (1.0.0)
    package23666 (1.0.0)
    package23667 (1.0.0)
    package23668 (1.0.0)
    package23669 (1.0.0)
    package23670 (1.0.0)
    package23671 (1.0.0)
    package23672 (1.0.0)
    package23673 (1.0.0)
    package23674 (1.0.0)
    package23675 (1.0.0)
    package23676 (1.0.0)
    package23677 (1.0.0)
    package23678 (1.0.0)
    package23679 (1.0.0)
    package23680 (1.0.0)
    package23681 (1.0.0)
    package23682 (1.0.0)
    package23683 (1.0.0)
    package23684 (1.0.0)
    package23685 (1.0.0)
    package23686 (1.0.0)
    package23687 (1.0.0)
    package23688 (1.0.0)
    package23689 (1.0.0)
    package23690 (1.0.0)
    package23691 (1.0.0)
    package23692 (1.0.0)
    package23693 (1.0.0)
    package23694 (1.0.0)
    package23695 (1.0.0)
    package23696 (1.0.0)
    package23697 (1.0.0)
    package23698 (1.0.0)
    package23699 (1.0.0)
    package23700 (1.0.0)
    package23701 (1.0.0)
    package23702 (1.0.0)
    package23703 (1.0.0)
    package23704 (1.0.0)
    package23705 (1.0.0)
    package23706 (1.0.0)
    package23707 (1.0.0)
    package23708 (1.0.0)
    package23709 (1.0.0)
    package23710 (1.0.0)
    package23711 (1.0.0)
    package23712 (1.0.0)
    package23713 (1.0.0)
    package23714 (1.0.0)
    package23715 (1.0.0)
    package23716 (1.0.0)
    package23717 (1.0.0)
    package23718 (1.0.0)
    package23719 (1.0.0)
    package23720 (1.0.0)
    package23721 (1.0.0)
    package23722 (1.0.0)
    package23723 (1.0.0)
    package23724 (1.0.0)
    package23725 (1.0.0)
    package23726 (1.0.0)
    package23727 (1.0.0)
    package23728 (1.0.0)
    package23729 (1.0.0)
    package23730 (1.0.0)
    package23731 (1.0.0)
    package23732 (1.0.0)
    package23733 (1.0.0)
    package23734 (1.0.0)
    package23735 (1.0.0)
    package23736 (1.0.0)
    package23737 (1.0.0)
    package23738 (1.0.0)
    package23739 (1.0.0)
    package23740 (1.0.0)
    package23741 (1.0.0)
    package23742 (1.0.0)
    package23743 (1.0.0)
    package23744 (1.0.0)
    package23745 (1.0.0)
    package23746 (1.0.0)
    package23747 (1.0.0)
    package23748 (1.0.0)
    package23749 (1.0.0)
    package23750 (1.0.0)
    package23751 (1.0.0)
    package23752 (1.0.0)
    package23753 (1.0.0)
    package23754 (1.0.0)
    package23755 (1.0.0)
    package23756 (1.0.0)
    package23757 (1.0.0)
    package23758 (1.0.0)
    package23759 (1.0.0)
    package23760 (1.0.0)
    package23761 (1.0.0)
    package23762 (1.0.0)
    package23763 (1.0.0)
    package23764 (1.0.0)
    package23765 (1.0.0)
    package23766 (1.0.0)
    package23767 (1.0.0)
    package23768 (1.0.0)
    package23769 (1.0.0)
    package23770 (1.0.0)
    package23771 (1.0.0)
    package23772 (1.0.0)
    package23773 (1.0.0)
    package23774 (1.0.0)
    package23775 (1.0.0)
    package23776 (1.0.0)
    package23777 (1.0.0)
    package23778 (1.0.0)
    package23779 (1.0.0)
    package23780 (1.0.0)
    package23781 (1.0.0)
    package23782 (1.0.0)
    package23783 (1.0.0)
    package23784 (1.0.0)
    package23785 (1.0.0)
    package23786 (1.0.0)
    package23787 (1.0.0)
    package23788 (1.0.0)
    package23789 (1.0.0)
    package23790 (1.0.0)
    package23791 (1.0.0)
    package23792 (1.0.0)
    package23793 (1.0.0)
    package23794 (1.0.0)
    package23795 (1.0.0)
    package23796 (1.0.0)
    package23797 (1.0.0)
    package23798 (1.0.0)
    package23799 (1.0.0)
    package23800 (1.0.0)
    package23801 (1.0.0)
    package23802 (1.0.0)
    package23803 (1.0.0)
    package23804 (1.0.0)
    package23805 (1.0.0)
    package23806 (1.0.0)
    package23807 (1.0.0)
    package23808 (1.0.0)
    package23809 (1.0.0)
    package23810 (1.0.0)
    package23811 (1.0.0)
    package23812 (1.0.0)
    package23813 (1.0.0)
    package23814 (1.0.0)
    package23815 (1.0.0)
    package23816 (1.0.0)
    package23817 (1.0.0)
    package23818 (1.0.0)
    package23819 (1.0.0)
    package23820 (1.0.0)
    package23821 (1.0.0)
    package23822 (1.0.0)
    package23823 (1.0.0)
    package23824 (1.0.0)
    package23825 (1.0.0)
    package23826 (1.0.0)
    package23827 (1.0.0)
    package23828 (1.0.0)
    package23829 (1.0.0)
    package23830 (1.0.0)
    package23831 (1.0.0)
    package23832 (1.0.0)
    package23833 (1.0.0)
    package23834 (1.0.0)
    package23835 (1.0.0)
    package23836 (1.0.0)
    package23837 (1.0.0)
    package23838 (1.0.0)
    package23839 (1.0.0)
    package23840 (1.0.0)
    package23841 (1.0.0)
    package23842 (1.0.0)
    package23843 (1.0.0)
    package23844 (1.0.0)
    package23845 (1.0.0)
    package23846 (1.0.0)
    package23847 (1.0.0)
    package23848 (1.0.0)
    package23849 (1.0.0)
    package23850 (1.0.0)
    package23851 (1.0.0)
    package23852 (1.0.0)
    package23853 (1.0.0)
    package23854 (1.0.0)
    package23855 (1.0.0)
    package23856 (1.0.0)
    package23857 (1.0.0)
    package23858 (1.0.0)
    package23859 (1.0.0)
    package23860 (1.0.0)
    package23861 (1.0.0)
    package23862 (1.0.0)
    package23863 (1.0.0)
    package23864 (1.0.0)
    package23865 (1.0.0)
    package23866 (1.0.0)
    package23867 (1.0.0)
    package23868 (1.0.0)
    package23869 (1.0.0)
    package23870 (1.0.0)
    package23871 (1.0.0)
    package23872 (1.0.0)
    package23873 (1.0.0)
    package23874 (1.0.0)
    package23875 (1.0.0)
    package23876 (1.0.0)
    package23877 (1.0.0)
    package23878 (1.0.0)
    package23879 (1.0.0)
    package23880 (1.0.0)
    package23881 (1.0.0)
    package23882 (1.0.0)
    package23883 (1.0.0)
    package23884 (1.0.0)
    package23885 (1.0.0)
    package23886 (1.0.0)
    package23887 (1.0.0)
    package23888 (1.0.0)
    package23889 (1.0.0)
    package23890 (1.0.0)
    package23891 (1.0.0)
    package23892 (1.0.0)
    package23893 (1.0.0)
    package23894 (1.0.0)
    package23895 (1.0.0)
    package23896 (1.0.0)
    package23897 (1.0.0)
    package23898 (1.0.0)
    package23899 (1.0.0)
    package23900 (1.0.0)
    package23901 (1.0.0)
    package23902 (1.0.0)
    package23903 (1.0.0)
    package23904 (1.0.0)
    package23905 (1.0.0)
    package23906 (1.0.0)
    package23907 (1.0.0)
    package23908 (1.0.0)
    package23909 (1.0.0)
    package23910 (1.0.0)
    package23911 (1.0.0)
    package23912 (1.0.0)
    package23913 (1.0.0)
    package23914 (1.0.0)
    package23915 (1.0.0)
    package23916 (1.0.0)
    package23917 (1.0.0)
    package23918 (1.0.0)
    package23919 (1.0.0)
    package23920 (1.0.0)
    package23921 (1.0.0)
    package23922 (1.0.0)
    package23923 (1.0.0)
    package23924 (1.0.0)
    package23925 (1.0.0)
    package23926 (1.0.0)
    package23927 (1.0.0)
    package23928 (1.0.0)
    package23929 (1.0.0)
    package23930 (1.0.0)
    package23931 (1.0.0)
    package23932 (1.0.0)
    package23933 (1.0.0)
    package23934 (1.0.0)
    package23935 (1.0.0)
    package23936 (1.0.0)
    package23937 (1.0.0)
    package23938 (1.0.0)
    package23939 (1.0.0)
    package23940 (1.0.0)
    package23941 (1.0.0)
    package23942 (1.0.0)
    package23943 (1.0.0)
    package23944 (1.0.0)
    package23945 (1.0.0)
    package23946 (1.0.0)
    package23947 (1.0.0)
    package23948 (1.0.0)
    package23949 (1.0.0)
    package23950 (1.0.0)
    package23951 (1.0.0)
    package23952 (1.0.0)
    package23953 (1.0.0)
    package23954 (1.0.0)
    package23955 (1.0.0)
    package23956 (1.0.0)
    package23957 (1.0.0)
    package23958 (1.0.0)
    package23959 (1.0.0)
    package23960 (1.0.0)
    package23961 (1.0.0)
    package23962 (1.0.0)
    package23963 (1.0.0)
    package23964 (1.0.0)
    package23965 (1.0.0)
    package23966 (1.0.0)
    package23967 (1.0.0)
    package23968 (1.0.0)
    package23969 (1.0.0)
    package23970 (1.0.0)
    package23971 (1.0.0)
    package23972 (1.0.0)
    package23973 (1.0.0)
    package23974 (1.0.0)
    package23975 (1.0.0)
    package23976 (1.0.0)
    package23977 (1.0.0)
    package23978 (1.0.0)
    package23979 (1.0.0)
    package23980 (1.0.0)
    package23981 (1.0.0)
    package23982 (1.0.0)
    package23983 (1.0.0)
    package23984 (1.0.0)
    package23985 (1.0.0)
    package23986 (1.0.0)
    package23987 (1.0.0)
    package23988 (1.0.0)
    package23989 (1.0.0)
    package23990 (1.0.0)
    package23991 (1.0.0)
    package23992 (1.0.0)
    package23993 (1.0.0)
    package23994 (1.0.0)
    package23995 (1.0.0)
    package23996 (1.0.0)
    package23997 (1.0.0)
    package23998 (1.0.0)
    package23999 (1.0.0)
    package24000 (1.0.0)
    package24001 (1.0.0)
    package24002 (1.0.0)
    package24003 (1.0.0)
    package24004 (1.0.0)
    package24005 (1.0.0)
    package24006 (1.0.0)
    package24007 (1.0.0)
    package24008 (1.0.0)
    package24009 (1.0.0)
    package24010 (1.0.0)
    package24011 (1.0.0)
    package24012 (1.0.0)
    package24013 (1.0.0)
    package24014 (1.0.0)
    package24015 (1.0.0)
    package24016 (1.0.0)
    package24017 (1.0.0)
    package24018 (1.0.0)
    package24019 (1.0.0)
    package24020 (1.0.0)
    package24021 (1.0.0)
    package24022 (1.0.0)
    package24023 (1.0.0)
    package24024 (1.0.0)
    package24025 (1.0.0)
    package24026 (1.0.0)
    package24027 (1.0.0)
    package24028 (1.0.0)
    package24029 (1.0.0)
    package24030 (1.0.0)
    package24031 (1.0.0)
    package24032 (1.0.0)
    package24033 (1.0.0)
    package24034 (1.0.0)
    package24035 (1.0.0)
    package24036 (1.0.0)
    package24037 (1.0.0)
    package24038 (1.0.0)
    package24039 (1.0.0)
    package24040 (1.0.0)
    package24041 (1.0.0)
    package24042 (1.0.0)
    package24043 (1.0.0)
    package24044 (1.0.0)
    package24045 (1.0.0)
    package24046 (1.0.0)
    package24047 (1.0.0)
    package24048 (1.0.0)
    package24049 (1.0.0)
    package24050 (1.0.0)
    package24051 (1.0.0)
    package24052 (1.0.0)
    package24053 (1.0.0)
    package24054 (1.0.0)
    package24055 (1.0.0)
    package24056 (1.0.0)
    package24057 (1.0.0)
    package24058 (1.0.0)
    package24059 (1.0.0)
    package24060 (1.0.0)
    package24061 (1.0.0)
    package24062 (1.0.0)
    package24063 (1.0.0)
    package24064 (1.0.0)
    package24065 (1.0.0)
    package24066 (1.0.0)
    package24067 (1.0.0)
    package24068 (1.0.0)
    package24069 (1.0.0)
    package24070 (1.0.0)
    package24071 (1.0.0)
    package24072 (1.0.0)
    package24073 (1.0.0)
    package24074 (1.0.0)
    package24075 (1.0.0)
    package24076 (1.0.0)
    package24077 (1.0.0)
    package24078 (1.0.0)
    package24079 (1.0.0)
    package24080 (1.0.0)
    package24081 (1.0.0)
    package24082 (1.0.0)
    package24083 (1.0.0)
    package24084 (1.0.0)
    package24085 (1.0.0)
    package24086 (1.0.0)
    package24087 (1.0.0)
    package24088 (1.0.0)
    package24089 (1.0.0)
    package24090 (1.0.0)
    package24091 (1.0.0)
    package24092 (1.0.0)
    package24093 (1.0.0)
    package24094 (1.0.0)
    package24095 (1.0.0)
    package24096 (1.0.0)
    package24097 (1.0.0)
    package24098 (1.0.0)
    package24099 (1.0.0)
    package24100 (1.0.0)
    package24101 (1.0.0)
    package24102 (1.0.0)
    package24103 (1.0.0)
    package24104 (1.0.0)
    package24105 (1.0.0)
    package24106 (1.0.0)
    package24107 (1.0.0)
    package24108 (1.0.0)
    package24109 (1.0.0)
    package24110 (1.0.0)
    package24111 (1.0.0)
    package24112 (1.0.0)
    package24113 (1.0.0)
    package24114 (1.0.0)
    package24115 (1.0.0)
    package24116 (1.0.0)
    package24117 (1.0.0)
    package24118 (1.0.0)
    package24119 (1.0.0)
    package24120 (1.0.0)
    package24121 (1.0.0)
    package24122 (1.0.0)
    package24123 (1.0.0)
    package24124 (1.0.0)
    package24125 (1.0.0)
    package24126 (1.0.0)
    package24127 (1.0.0)
    package24128 (1.0.0)
    package24129 (1.0.0)
    package24130 (1.0.0)
    package24131 (1.0.0)
    package24132 (1.0.0)
    package24133 (1.0.0)
    package24134 (1.0.0)
    package24135 (1.0.0)
    package24136 (1.0.0)
    package24137 (1.0.0)
    package24138 (1.0.0)
    package24139 (1.0.0)
    package24140 (1.0.0)
    package24141 (1.0.0)
    package24142 (1.0.0)
    package24143 (1.0.0)
    package24144 (1.0.0)
    package24145 (1.0.0)
    package24146 (1.0.0)
    package24147 (1.0.0)
    package24148 (1.0.0)
    package24149 (1.0.0)
    package24150 (1.0.0)
    package24151 (1.0.0)
    package24152 (1.0.0)
    package24153 (1.0.0)
    package24154 (1.0.0)
    package24155 (1.0.0)
    package24156 (1.0.0)
    package24157 (1.0.0)
    package24158 (1.0.0)
    package24159 (1.0.0)
    package24160 (1.0.0)
    package24161 (1.0.0)
    package24162 (1.0.0)
    package24163 (1.0.0)
    package24164 (1.0.0)
    package24165 (1.0.0)
    package24166 (1.0.0)
    package24167 (1.0.0)
    package24168 (1.0.0)
    package24169 (1.0.0)
    package24170 (1.0.0)
    package24171 (1.0.0)
    package24172 (1.0.0)
    package24173 (1.0.0)
    package24174 (1.0.0)
    package24175 (1.0.0)
    package24176 (1.0.0)
    package24177 (1.0.0)
    package24178 (1.0.0)
    package24179 (1.0.0)
    package24180 (1.0.0)
    package24181 (1.0.0)
    package24182 (1.0.0)
    package24183 (1.0.0)
    package24184 (1.0.0)
    package24185 (1.0.0)
    package24186 (1.0.0)
    package24187 (1.0.0)
    package24188 (1.0.0)
    package24189 (1.0.0)
    package24190 (1.0.0)
    package24191 (1.0.0)
    package24192 (1.0.0)
    package24193 (1.0.0)
    package24194 (1.0.0)
    package24195 (1.0.0)
    package24196 (1.0.0)
    package24197 (1.0.0)
    package24198 (1.0.0)
    package24199 (1.0.0)
    package24200 (1.0.0)
    package24201 (1.0.0)
    package24202 (1.0.0)
    package24203 (1.0.0)
    package24204 (1.0.0)
    package24205 (1.0.0)
    package24206 (1.0.0)
    package24207 (1.0.0)
    package24208 (1.0.0)
    package24209 (1.0.0)
    package24210 (1.0.0)
    package24211 (1.0.0)
    package24212 (1.0.0)
    package24213 (1.0.0)
    package24214 (1.0.0)
    package24215 (1.0.0)
    package24216 (1.0.0)
    package24217 (1.0.0)
    package24218 (1.0.0)
    package24219 (1.0.0)
    package24220 (1.0.0)
    package24221 (1.0.0)
    package24222 (1.0.0)
    package24223 (1.0.0)
    package24224 (1.0.0)
    package24225 (1.0.0)
    package24226 (1.0.0)
    package24227 (1.0.0)
    package24228 (1.0.0)
    package24229 (1.0.0)
    package24230 (1.0.0)
    package24231 (1.0.0)
    package24232 (1.0.0)
    package24233 (1.0.0)
    package24234 (1.0.0)
    package24235 (1.0.0)
    package24236 (1.0.0)
    package24237 (1.0.0)
    package24238 (1.0.0)
    package24239 (1.0.0)
    package24240 (1.0.0)
    package24241 (1.0.0)
    package24242 (1.0.0)
    package24243 (1.0.0)
    package24244 (1.0.0)
    package24245 (1.0.0)
    package24246 (1.0.0)
    package24247 (1.0.0)
    package24248 (1.0.0)
    package24249 (1.0.0)
    package24250 (1.0.0)
    package24251 (1.0.0)
    package24252 (1.0.0)
    package24253 (1.0.0)
    package24254 (1.0.0)
    package24255 (1.0.0)
    package24256 (1.0.0)
    package24257 (1.0.0)
    package24258 (1.0.0)
    package24259 (1.0.0)
    package24260 (1.0.0)
    package24261 (1.0.0)
    package24262 (1.0.0)
    package24263 (1.0.0)
    package24264 (1.0.0)
    package24265 (1.0.0)
    package24266 (1.0.0)
    package24267 (1.0.0)
    package24268 (1.0.0)
    package24269 (1.0.0)
    package24270 (1.0.0)
    package24271 (1.0.0)
    package24272 (1.0.0)
    package24273 (1.0.0)
    package24274 (1.0.0)
    package24275 (1.0.0)
    package24276 (1.0.0)
    package24277 (1.0.0)
    package24278 (1.0.0)
    package24279 (1.0.0)
    package24280 (1.0.0)
    package24281 (1.0.0)
    package24282 (1.0.0)
    package24283 (1.0.0)
    package24284 (1.0.0)
    package24285 (1.0.0)
    package24286 (1.0.0)
    package24287 (1.0.0)
    package24288 (1.0.0)
    package24289 (1.0.0)
    package24290 (1.0.0)
    package24291 (1.0.0)
    package24292 (1.0.0)
    package24293 (1.0.0)
    package24294 (1.0.0)
    package24295 (1.0.0)
    package24296 (1.0.0)
    package24297 (1.0.0)
    package24298 (1.0.0)
    package24299 (1.0.0)
    package24300 (1.0.0)
    package24301 (1.0.0)
    package24302 (1.0.0)
    package24303 (1.0.0)
    package24304 (1.0.0)
    package24305 (1.0.0)
    package24306 (1.0.0)
    package24307 (1.0.0)
    package24308 (1.0.0)
    package24309 (1.0.0)
    package24310 (1.0.0)
    package24311 (1.0.0)
    package24312 (1.0.0)
    package24313 (1.0.0)
    package24314 (1.0.0)
    package24315 (1.0.0)
    package24316 (1.0.0)
    package24317 (1.0.0)
    package24318 (1.0.0)
    package24319 (1.0.0)
    package24320 (1.0.0)
    package24321 (1.0.0)
    package24322 (1.0.0)
    package24323 (1.0.0)
    package24324 (1.0.0)
    package24325 (1.0.0)
    package24326 (1.0.0)
    package24327 (1.0.0)
    package24328 (1.0.0)
    package24329 (1.0.0)
    package24330 (1.0.0)
    package24331 (1.0.0)
    package24332 (1.0.0)
    package24333 (1.0.0)
    package24334 (1.0.0)
    package24335 (1.0.0)
    package24336 (1.0.0)
    package24337 (1.0.0)
    package24338 (1.0.0)
    package24339 (1.0.0)
    package24340 (1.0.0)
    package24341 (1.0.0)
    package24342 (1.0.0)
    package24343 (1.0.0)
    package24344 (1.0.0)
    package24345 (1.0.0)
    package24346 (1.0.0)
    package24347 (1.0.0)
    package24348 (1.0.0)
    package24349 (1.0.0)
    package24350 (1.0.0)
    package24351 (1.0.0)
    package24352 (1.0.0)
    package24353 (1.0.0)
    package24354 (1.0.0)
    package24355 (1.0.0)
    package24356 (1.0.0)
    package24357 (1.0.0)
    package24358 (1.0.0)
    package24359 (1.0.0)
    package24360 (1.0.0)
    package24361 (1.0.0)
    package24362 (1.0.0)
    package24363 (1.0.0)
    package24364 (1.0.0)
    package24365 (1.0.0)
    package24366 (1.0.0)
    package24367 (1.0.0)
    package24368 (1.0.0)
    package24369 (1.0.0)
    package24370 (1.0.0)
    package24371 (1.0.0)
    package24372 (1.0.0)
    package24373 (1.0.0)
    package24374 (1.0.0)
    package24375 (1.0.0)
    package24376 (1.0.0)
    package24377 (1.0.0)
    package24378 (1.0.0)
    package24379 (1.0.0)
    package24380 (1.0.0)
    package24381 (1.0.0)
    package24382 (1.0.0)
    package24383 (1.0.0)
    package24384 (1.0.0)
    package24385 (1.0.0)
    package24386 (1.0.0)
    package24387 (1.0.0)
    package24388 (1.0.0)
    package24389 (1.0.0)
    package24390 (1.0.0)
    package24391 (1.0.0)
    package24392 (1.0.0)
    package24393 (1.0.0)
    package24394 (1.0.0)
    package24395 (1.0.0)
    package24396 (1.0.0)
    package24397 (1.0.0)
    package24398 (1.0.0)
    package24399 (1.0.0)
    package24400 (1.0.0)
    package24401 (1.0.0)
    package24402 (1.0.0)
    package24403 (1.0.0)
    package24404 (1.0.0)
    package24405 (1.0.0)
    package24406 (1.0.0)
    package24407 (1.0.0)
    package24408 (1.0.0)
    package24409 (1.0.0)
    package24410 (1.0.0)
    package24411 (1.0.0)
    package24412 (1.0.0)
    package24413 (1.0.0)
    package24414 (1.0.0)
    package24415 (1.0.0)
    package24416 (1.0.0)
    package24417 (1.0.0)
    package24418 (1.0.0)
    package24419 (1.0.0)
    package24420 (1.0.0)
    package24421 (1.0.0)
    package24422 (1.0.0)
    package24423 (1.0.0)
    package24424 (1.0.0)
    package24425 (1.0.0)
    package24426 (1.0.0)
    package24427 (1.0.0)
    package24428 (1.0.0)
    package24429 (1.0.0)
    package24430 (1.0.0)
    package24431 (1.0.0)
    package24432 (1.0.0)
    package24433 (1.0.0)
    package24434 (1.0.0)
    package24435 (1.0.0)
    package24436 (1.0.0)
    package24437 (1.0.0)
    package24438 (1.0.0)
    package24439 (1.0.0)
    package24440 (1.0.0)
    package24441 (1.0.0)
    package24442 (1.0.0)
    package24443 (1.0.0)
    package24444 (1.0.0)
    package24445 (1.0.0)
    package24446 (1.0.0)
    package24447 (1.0.0)
    package24448 (1.0.0)
    package24449 (1.0.0)
    package24450 (1.0.0)
    package24451 (1.0.0)
    package24452 (1.0.0)
    package24453 (1.0.0)
    package24454 (1.0.0)
    package24455 (1.0.0)
    package24456 (1.0.0)
    package24457 (1.0.0)
    package24458 (1.0.0)
    package24459 (1.0.0)
    package24460 (1.0.0)
    package24461 (1.0.0)
    package24462 (1.0.0)
    package24463 (1.0.0)
    package24464 (1.0.0)
    package24465 (1.0.0)
    package24466 (1.0.0)
    package24467 (1.0.0)
    package24468 (1.0.0)
    package24469 (1.0.0)
    package24470 (1.0.0)
    package24471 (1.0.0)
    package24472 (1.0.0)
    package24473 (1.0.0)
    package24474 (1.0.0)
    package24475 (1.0.0)
    package24476 (1.0.0)
    package24477 (1.0.0)
    package24478 (1.0.0)
    package24479 (1.0.0)
    package24480 (1.0.0)
    package24481 (1.0.0)
    package24482 (1.0.0)
    package24483 (1.0.0)
    package24484 (1.0.0)
    package24485 (1.0.0)
    package24486 (1.0.0)
    package24487 (1.0.0)
    package24488 (1.0.0)
    package24489 (1.0.0)
    package24490 (1.0.0)
    package24491 (1.0.0)
    package24492 (1.0.0)
    package24493 (1.0.0)
    package24494 (1.0.0)
    package24495 (1.0.0)
    package24496 (1.0.0)
    package24497 (1.0.0)
    package24498 (1.0.0)
    package24499 (1.0.0)
    package24500 (1.0.0)
    package24501 (1.0.0)
    package24502 (1.0.0)
    package24503 (1.0.0)
    package24504 (1.0.0)
    package24505 (1.0.0)
    package24506 (1.0.0)
    package24507 (1.0.0)
    package24508 (1.0.0)
    package24509 (1.0.0)
    package24510 (1.0.0)
    package24511 (1.0.0)
    package24512 (1.0.0)
    package24513 (1.0.0)
    package24514 (1.0.0)
    package24515 (1.0.0)
    package24516 (1.0.0)
    package24517 (1.0.0)
    package24518 (1.0.0)
    package24519 (1.0.0)
    package24520 (1.0.0)
    package24521 (1.0.0)
    package24522 (1.0.0)
    package24523 (1.0.0)
    package24524 (1.0.0)
    package24525 (1.0.0)
    package24526 (1.0.0)
    package24527 (1.0.0)
    package24528 (1.0.0)
    package24529 (1.0.0)
    package24530 (1.0.0)
    package24531 (1.0.0)
    package24532 (1.0.0)
    package24533 (1.0.0)
    package24534 (1.0.0)
    package24535 (1.0.0)
    package24536 (1.0.0)
    package24537 (1.0.0)
    package24538 (1.0.0)
    package24539 (1.0.0)
    package24540 (1.0.0)
    package24541 (1.0.0)
    package24542 (1.0.0)
    package24543 (1.0.0)
    package24544 (1.0.0)
    package24545 (1.0.0)
    package24546 (1.0.0)
    package24547 (1.0.0)
    package24548 (1.0.0)
    package24549 (1.0.0)
    package24550 (1.0.0)
    package24551 (1.0.0)
    package24552 (1.0.0)
    package24553 (1.0.0)
    package24554 (1.0.0)
    package24555 (1.0.0)
    package24556 (1.0.0)
    package24557 (1.0.0)
    package24558 (1.0.0)
    package24559 (1.0.0)
    package24560 (1.0.0)
    package24561 (1.0.0)
    package24562 (1.0.0)
    package24563 (1.0.0)
    package24564 (1.0.0)
    package24565 (1.0.0)
    package24566 (1.0.0)
    package24567 (1.0.0)
    package24568 (1.0.0)
    package24569 (1.0.0)
    package24570 (1.0.0)
    package24571 (1.0.0)
    package24572 (1.0.0)
    package24573 (1.0.0)
    package24574 (1.0.0)
    package24575 (1.0.0)
    package24576 (1.0.0)
    package24577 (1.0.0)
    package24578 (1.0.0)
    package24579 (1.0.0)
    package24580 (1.0.0)
    package24581 (1.0.0)
    package24582 (1.0.0)
    package24583 (1.0.0)
    package24584 (1.0.0)
    package24585 (1.0.0)
    package24586 (1.0.0)
    package24587 (1.0.0)
    package24588 (1.0.0)
    package24589 (1.0.0)
    package24590 (1.0.0)
    package24591 (1.0.0)
    package24592 (1.0.0)
    package24593 (1.0.0)
    package24594 (1.0.0)
    package24595 (1.0.0)
    package24596 (1.0.0)
    package24597 (1.0.0)
    package24598 (1.0.0)
    package24599 (1.0.0)
    package24600 (1.0.0)
    package24601 (1.0.0)
    package24602 (1.0.0)
    package24603 (1.0.0)
    package24604 (1.0.0)
    package24605 (1.0.0)
    package24606 (1.0.0)
    package24607 (1.0.0)
    package24608 (1.0.0)
    package24609 (1.0.0)
    package24610 (1.0.0)
    package24611 (1.0.0)
    package24612 (1.0.0)
    package24613 (1.0.0)
    package24614 (1.0.0)
    package24615 (1.0.0)
    package24616 (1.0.0)
    package24617 (1.0.0)
    package24618 (1.0.0)
    package24619 (1.0.0)
    package24620 (1.0.0)
    package24621 (1.0.0)
    package24622 (1.0.0)
    package24623 (1.0.0)
    package24624 (1.0.0)
    package24625 (1.0.0)
    package24626 (1.0.0)
    package24627 (1.0.0)
    package24628 (1.0.0)
    package24629 (1.0.0)
    package24630 (1.0.0)
    package24631 (1.0.0)
    package24632 (1.0.0)
    package24633 (1.0.0)
    package24634 (1.0.0)
    package24635 (1.0.0)
    package24636 (1.0.0)
    package24637 (1.0.0)
    package24638 (1.0.0)
    package24639 (1.0.0)
    package24640 (1.0.0)
    package24641 (1.0.0)
    package24642 (1.0.0)
    package24643 (1.0.0)
    package24644 (1.0.0)
    package24645 (1.0.0)
    package24646 (1.0.0)
    package24647 (1.0.0)
    package24648 (1.0.0)
    package24649 (1.0.0)
    package24650 (1.0.0)
    package24651 (1.0.0)
    package24652 (1.0.0)
    package24653 (1.0.0)
    package24654 (1.0.0)
    package24655 (1.0.0)
    package24656 (1.0.0)
    package24657 (1.0.0)
    package24658 (1.0.0)
    package24659 (1.0.0)
    package24660 (1.0.0)
    package24661 (1.0.0)
    package24662 (1.0.0)
    package24663 (1.0.0)
    package24664 (1.0.0)
    package24665 (1.0.0)
    package24666 (1.0.0)
    package24667 (1.0.0)
    package24668 (1.0.0)
    package24669 (1.0.0)
    package24670 (1.0.0)
    package24671 (1.0.0)
    package24672 (1.0.0)
    package24673 (1.0.0)
    package24674 (1.0.0)
    package24675 (1.0.0)
    package24676 (1.0.0)
    package24677 (1.0.0)
    package24678 (1.0.0)
    package24679 (1.0.0)
    package24680 (1.0.0)
    package24681 (1.0.0)
    package24682 (1.0.0)
    package24683 (1.0.0)
    package24684 (1.0.0)
    package24685 (1.0.0)
    package24686 (1.0.0)
    package24687 (1.0.0)
    package24688 (1.0.0)
    package24689 (1.0.0)
    package24690 (1.0.0)
    package24691 (1.0.0)
    package24692 (1.0.0)
    package24693 (1.0.0)
    package24694 (1.0.0)
    package24695 (1.0.0)
    package24696 (1.0.0)
    package24697 (1.0.0)
    package24698 (1.0.0)
    package24699 (1.0.0)
    package24700 (1.0.0)
    package24701 (1.0.0)
    package24702 (1.0.0)
    package24703 (1.0.0)
    package24704 (1.0.0)
    package24705 (1.0.0)
    package24706 (1.0.0)
    package24707 (1.0.0)
    package24708 (1.0.0)
    package24709 (1.0.0)
    package24710 (1.0.0)
    package24711 (1.0.0)
    package24712 (1.0.0)
    package24713 (1.0.0)
    package24714 (1.0.0)
    package24715 (1.0.0)
    package24716 (1.0.0)
    package24717 (1.0.0)
    package24718 (1.0.0)
    package24719 (1.0.0)
    package24720 (1.0.0)
    package24721 (1.0.0)
    package24722 (1.0.0)
    package24723 (1.0.0)
    package24724 (1.0.0)
    package24725 (1.0.0)
    package24726 (1.0.0)
    package24727 (1.0.0)
    package24728 (1.0.0)
    package24729 (1.0.0)
    package24730 (1.0.0)
    package24731 (1.0.0)
    package24732 (1.0.0)
    package24733 (1.0.0)
    package24734 (1.0.0)
    package24735 (1.0.0)
    package24736 (1.0.0)
    package24737 (1.0.0)
    package24738 (1.0.0)
    package24739 (1.0.0)
    package24740 (1.0.0)
    package24741 (1.0.0)
    package24742 (1.0.0)
    package24743 (1.0.0)
    package24744 (1.0.0)
    package24745 (1.0.0)
    package24746 (1.0.0)
    package24747 (1.0.0)
    package24748 (1.0.0)
    package24749 (1.0.0)
    package24750 (1.0.0)
    package24751 (1.0.0)
    package24752 (1.0.0)
    package24753 (1.0.0)
    package24754 (1.0.0)
    package24755 (1.0.0)
    package24756 (1.0.0)
    package24757 (1.0.0)
    package24758 (1.0.0)
    package24759 (1.0.0)
    package24760 (1.0.0)
    package24761 (1.0.0)
    package24762 (1.0.0)
    package24763 (1.0.0)
    package24764 (1.0.0)
    package24765 (1.0.0)
    package24766 (1.0.0)
    package24767 (1.0.0)
    package24768 (1.0.0)
    package24769 (1.0.0)
    package24770 (1.0.0)
    package24771 (1.0.0)
    package24772 (1.0.0)
    package24773 (1.0.0)
    package24774 (1.0.0)
    package24775 (1.0.0)
    package24776 (1.0.0)
    package24777 (1.0.0)
    package24778 (1.0.0)
    package24779 (1.0.0)
    package24780 (1.0.0)
    package24781 (1.0.0)
    package24782 (1.0.0)
    package24783 (1.0.0)
    package24784 (1.0.0)
    package24785 (1.0.0)
    package24786 (1.0.0)
    package24787 (1.0.0)
    package24788 (1.0.0)
    package24789 (1.0.0)
    package24790 (1.0.0)
    package24791 (1.0.0)
    package24792 (1.0.0)
    package24793 (1.0.0)
    package24794 (1.0.0)
    package24795 (1.0.0)
    package24796 (1.0.0)
    package24797 (1.0.0)
    package24798 (1.0.0)
    package24799 (1.0.0)
    package24800 (1.0.0)
    package24801 (1.0.0)
    package24802 (1.0.0)
    package24803 (1.0.0)
    package24804 (1.0.0)
    package24805 (1.0.0)
    package24806 (1.0.0)
    package24807 (1.0.0)
    package24808 (1.0.0)
    package24809 (1.0.0)
    package24810 (1.0.0)
    package24811 (1.0.0)
    package24812 (1.0.0)
    package24813 (1.0.0)
    package24814 (1.0.0)
    package24815 (1.0.0)
    package24816 (1.0.0)
    package24817 (1.0.0)
    package24818 (1.0.0)
    package24819 (1.0.0)
    package24820 (1.0.0)
    package24821 (1.0.0)
    package24822 (1.0.0)
    package24823 (1.0.0)
    package24824 (1.0.0)
    package24825 (1.0.0)
    package24826 (1.0.0)
    package24827 (1.0.0)
    package24828 (1.0.0)
    package24829 (1.0.0)
    package24830 (1.0.0)
    package24831 (1.0.0)
    package24832 (1.0.0)
    package24833 (1.0.0)
    package24834 (1.0.0)
    package24835 (1.0.0)
    package24836 (1.0.0)
    package24837 (1.0.0)
    package24838 (1.0.0)
    package24839 (1.0.0)
    package24840 (1.0.0)
    package24841 (1.0.0)
    package24842 (1.0.0)
    package24843 (1.0.0)
    package24844 (1.0.0)
    package24845 (1.0.0)
    package24846 (1.0.0)
    package24847 (1.0.0)
    package24848 (1.0.0)
    package24849 (1.0.0)
    package24850 (1.0.0)
    package24851 (1.0.0)
    package24852 (1.0.0)
    package24853 (1.0.0)
    package24854 (1.0.0)
    package24855 (1.0.0)
    package24856 (1.0.0)
    package24857 (1.0.0)
    package24858 (1.0.0)
    package24859 (1.0.0)
    package24860 (1.0.0)
    package24861 (1.0.0)
    package24862 (1.0.0)
    package24863 (1.0.0)
    package24864 (1.0.0)
    package24865 (1.0.0)
    package24866 (1.0.0)
    package24867 (1.0.0)
    package24868 (1.0.0)
    package24869 (1.0.0)
    package24870 (1.0.0)
    package24871 (1.0.0)
    package24872 (1.0.0)
    package24873 (1.0.0)
    package24874 (1.0.0)
    package24875 (1.0.0)
    package24876 (1.0.0)
    package24877 (1.0.0)
    package24878 (1.0.0)
    package24879 (1.0.0)
    package24880 (1.0.0)
    package24881 (1.0.0)
    package24882 (1.0.0)
    package24883 (1.0.0)
    package24884 (1.0.0)
    package24885 (1.0.0)
    package24886 (1.0.0)
    package24887 (1.0.0)
    package24888 (1.0.0)
    package24889 (1.0.0)
    package24890 (1.0.0)
    package24891 (1.0.0)
    package24892 (1.0.0)
    package24893 (1.0.0)
    package24894 (1.0.0)
    package24895 (1.0.0)
    package24896 (1.0.0)
    package24897 (1.0.0)
    package24898 (1.0.0)
    package24899 (1.0.0)
    package24900 (1.0.0)
    package24901 (1.0.0)
    package24902 (1.0.0)
    package24903 (1.0.0)
    package24904 (1.0.0)
    package24905 (1.0.0)
    package24906 (1.0.0)
    package24907 (1.0.0)
    package24908 (1.0.0)
    package24909 (1.0.0)
    package24910 (1.0.0)
    package24911 (1.0.0)
    package24912 (1.0.0)
    package24913 (1.0.0)
    package24914 (1.0.0)
    package24915 (1.0.0)
    package24916 (1.0.0)
    package24917 (1.0.0)
    package24918 (1.0.0)
    package24919 (1.0.0)
    package24920 (1.0.0)
    package24921 (1.0.0)
    package24922 (1.0.0)
    package24923 (1.0.0)
    package24924 (1.0.0)
    package24925 (1.0.0)
    package24926 (1.0.0)
    package24927 (1.0.0)
    package24928 (1.0.0)
    package24929 (1.0.0)
    package24930 (1.0.0)
    package24931 (1.0.0)
    package24932 (1.0.0)
    package24933 (1.0.0)
    package24934 (1.0.0)
    package24935 (1.0.0)
    package24936 (1.0.0)
    package24937 (1.0.0)
    package24938 (1.0.0)
    package24939 (1.0.0)
    package24940 (1.0.0)
    package24941 (1.0.0)
    package24942 (1.0.0)
    package24943 (1.0.0)
    package24944 (1.0.0)
    package24945 (1.0.0)
    package24946 (1.0.0)
    package24947 (1.0.0)
    package24948 (1.0.0)
    package24949 (1.0.0)
    package24950 (1.0.0)
    package24951 (1.0.0)
    package24952 (1.0.0)
    package24953 (1.0.0)
    package24954 (1.0.0)
    package24955 (1.0.0)
    package24956 (1.0.0)
    package24957 (1.0.0)
    package24958 (1.0.0)
    package24959 (1.0.0)
    package24960 (1.0.0)
    package24961 (1.0.0)
    package24962 (1.0.0)
    package24963 (1.0.0)
    package24964 (1.0.0)
    package24965 (1.0.0)
    package24966 (1.0.0)
    package24967 (1.0.0)
    package24968 (1.0.0)
    package24969 (1.0.0)
    package24970 (1.0.0)
    package24971 (1.0.0)
    package24972 (1.0.0)
    package24973 (1.0.0)
    package24974 (1.0.0)
    package24975 (1.0.0)
    package24976 (1.0.0)
    package24977 (1.0.0)
    package24978 (1.0.0)
    package24979 (1.0.0)
    package24980 (1.0.0)
    package24981 (1.0.0)
    package24982 (1.0.0)
    package24983 (1.0.0)
    package24984 (1.0.0)
    package24985 (1.0.0)
    package24986 (1.0.0)
    package24987 (1.0.0)
    package24988 (1.0.0)
    package24989 (1.0.0)
    package24990 (1.0.0)
    package24991 (1.0.0)
    package24992 (1.0.0)
    package24993 (1.0.0)
    package24994 (1.0.0)
    package24995 (1.0.0)
    package24996 (1.0.0)
    package24997 (1.0.0)
    package24998 (1.0.0)
    package24999 (1.0.0)
    package25000 (1.0.0)
    package25001 (1.0.0)
    package25002 (1.0.0)
    package25003 (1.0.0)
    package25004 (1.0.0)
    package25005 (1.0.0)
    package25006 (1.0.0)
    package25007 (1.0.0)
    package25008 (1.0.0)
    package25009 (1.0.0)
    package25010 (1.0.0)
    package25011 (1.0.0)
    package25012 (1.0.0)
    package25013 (1.0.0)
    package25014 (1.0.0)
    package25015 (1.0.0)
    package25016 (1.0.0)
    package25017 (1.0.0)
    package25018 (1.0.0)
    package25019 (1.0.0)
    package25020 (1.0.0)
    package25021 (1.0.0)
    package25022 (1.0.0)
    package25023 (1.0.0)
    package25024 (1.0.0)
    package25025 (1.0.0)
    package25026 (1.0.0)
    package25027 (1.0.0)
    package25028 (1.0.0)
    package25029 (1.0.0)
    package25030 (1.0.0)
    package25031 (1.0.0)
    package25032 (1.0.0)
    package25033 (1.0.0)
    package25034 (1.0.0)
    package25035 (1.0.0)
    package25036 (1.0.0)
    package25037 (1.0.0)
    package25038 (1.0.0)
    package25039 (1.0.0)
    package25040 (1.0.0)
    package25041 (1.0.0)
    package25042 (1.0.0)
    package25043 (1.0.0)
    package25044 (1.0.0)
    package25045 (1.0.0)
    package25046 (1.0.0)
    package25047 (1.0.0)
    package25048 (1.0.0)
    package25049 (1.0.0)
    package25050 (1.0.0)
    package25051 (1.0.0)
    package25052 (1.0.0)
    package25053 (1.0.0)
    package25054 (1.0.0)
    package25055 (1.0.0)
    package25056 (1.0.0)
    package25057 (1.0.0)
    package25058 (1.0.0)
    package25059 (1.0.0)
    package25060 (1.0.0)
    package25061 (1.0.0)
    package25062 (1.0.0)
    package25063 (1.0.0)
    package25064 (1.0.0)
    package25065 (1.0.0)
    package25066 (1.0.0)
    package25067 (1.0.0)
    package25068 (1.0.0)
    package25069 (1.0.0)
    package25070 (1.0.0)
    package25071 (1.0.0)
    package25072 (1.0.0)
    package25073 (1.0.0)
    package25074 (1.0.0)
    package25075 (1.0.0)
    package25076 (1.0.0)
    package25077 (1.0.0)
    package25078 (1.0.0)
    package25079 (1.0.0)
    package25080 (1.0.0)
    package25081 (1.0.0)
    package25082 (1.0.0)
    package25083 (1.0.0)
    package25084 (1.0.0)
    package25085 (1.0.0)
    package25086 (1.0.0)
    package25087 (1.0.0)
    package25088 (1.0.0)
    package25089 (1.0.0)
    package25090 (1.0.0)
    package25091 (1.0.0)
    package25092 (1.0.0)
    package25093 (1.0.0)
    package25094 (1.0.0)
    package25095 (1.0.0)
    package25096 (1.0.0)
    package25097 (1.0.0)
    package25098 (1.0.0)
    package25099 (1.0.0)
    package25100 (1.0.0)
    package25101 (1.0.0)
    package25102 (1.0.0)
    package25103 (1.0.0)
    package25104 (1.0.0)
    package25105 (1.0.0)
    package25106 (1.0.0)
    package25107 (1.0.0)
    package25108 (1.0.0)
    package25109 (1.0.0)
    package25110 (1.0.0)
    package25111 (1.0.0)
    package25112 (1.0.0)
    package25113 (1.0.0)
    package25114 (1.0.0)
    package25115 (1.0.0)
    package25116 (1.0.0)
    package25117 (1.0.0)
    package25118 (1.0.0)
    package25119 (1.0.0)
    package25120 (1.0.0)
    package25121 (1.0.0)
    package25122 (1.0.0)
    package25123 (1.0.0)
    package25124 (1.0.0)
    package25125 (1.0.0)
    package25126 (1.0.0)
    package25127 (1.0.0)
    package25128 (1.0.0)
    package25129 (1.0.0)
    package25130 (1.0.0)
    package25131 (1.0.0)
    package25132 (1.0.0)
    package25133 (1.0.0)
    package25134 (1.0.0)
    package25135 (1.0.0)
    package25136 (1.0.0)
    package25137 (1.0.0)
    package25138 (1.0.0)
    package25139 (1.0.0)
    package25140 (1.0.0)
    package25141 (1.0.0)
    package25142 (1.0.0)
    package25143 (1.0.0)
    package25144 (1.0.0)
    package25145 (1.0.0)
    package25146 (1.0.0)
    package25147 (1.0.0)
    package25148 (1.0.0)
    package25149 (1.0.0)
    package25150 (1.0.0)
    package25151 (1.0.0)
    package25152 (1.0.0)
    package25153 (1.0.0)
    package25154 (1.0.0)
    package25155 (1.0.0)
    package25156 (1.0.0)
    package25157 (1.0.0)
    package25158 (1.0.0)
    package25159 (1.0.0)
    package25160 (1.0.0)
    package25161 (1.0.0)
    package25162 (1.0.0)
    package25163 (1.0.0)
    package25164 (1.0.0)
    package25165 (1.0.0)
    package25166 (1.0.0)
    package25167 (1.0.0)
    package25168 (1.0.0)
    package25169 (1.0.0)
    package25170 (1.0.0)
    package25171 (1.0.0)
    package25172 (1.0.0)
    package25173 (1.0.0)
    package25174 (1.0.0)
    package25175 (1.0.0)
    package25176 (1.0.0)
    package25177 (1.0.0)
    package25178 (1.0.0)
    package25179 (1.0.0)
    package25180 (1.0.0)
    package25181 (1.0.0)
    package25182 (1.0.0)
    package25183 (1.0.0)
    package25184 (1.0.0)
    package25185 (1.0.0)
    package25186 (1.0.0)
    package25187 (1.0.0)
    package25188 (1.0.0)
    package25189 (1.0.0)
    package25190 (1.0.0)
    package25191 (1.0.0)
    package25192 (1.0.0)
    package25193 (1.0.0)
    package25194 (1.0.0)
    package25195 (1.0.0)
    package25196 (1.0.0)
    package25197 (1.0.0)
    package25198 (1.0.0)
    package25199 (1.0.0)
    package25200 (1.0.0)
    package25201 (1.0.0)
    package25202 (1.0.0)
    package25203 (1.0.0)
    package25204 (1.0.0)
    package25205 (1.0.0)
    package25206 (1.0.0)
    package25207 (1.0.0)
    package25208 (1.0.0)
    package25209 (1.0.0)
    package25210 (1.0.0)
    package25211 (1.0.0)
    package25212 (1.0.0)
    package25213 (1.0.0)
    package25214 (1.0.0)
    package25215 (1.0.0)
    package25216 (1.0.0)
    package25217 (1.0.0)
    package25218 (1.0.0)
    package25219 (1.0.0)
    package25220 (1.0.0)
    package25221 (1.0.0)
    package25222 (1.0.0)
    package25223 (1.0.0)
    package25224 (1.0.0)
    package25225 (1.0.0)
    package25226 (1.0.0)
    package25227 (1.0.0)
    package25228 (1.0.0)
    package25229 (1.0.0)
    package25230 (1.0.0)
    package25231 (1.0.0)
    package25232 (1.0.0)
    package25233 (1.0.0)
    package25234 (1.0.0)
    package25235 (1.0.0)
    package25236 (1.0.0)
    package25237 (1.0.0)
    package25238 (1.0.0)
    package25239 (1.0.0)
    package25240 (1.0.0)
    package25241 (1.0.0)
    package25242 (1.0.0)
    package25243 (1.0.0)
    package25244 (1.0.0)
    package25245 (1.0.0)
    package25246 (1.0.0)
    package25247 (1.0.0)
    package25248 (1.0.0)
    package25249 (1.0.0)
    package25250 (1.0.0)
    package25251 (1.0.0)
    package25252 (1.0.0)
    package25253 (1.0.0)
    package25254 (1.0.0)
    package25255 (1.0.0)
    package25256 (1.0.0)
    package25257 (1.0.0)
    package25258 (1.0.0)
    package25259 (1.0.0)
    package25260 (1.0.0)
    package25261 (1.0.0)
    package25262 (1.0.0)
    package25263 (1.0.0)
    package25264 (1.0.0)
    package25265 (1.0.0)
    package25266 (1.0.0)
    package25267 (1.0.0)
    package25268 (1.0.0)
    package25269 (1.0.0)
    package25270 (1.0.0)
    package25271 (1.0.0)
    package25272 (1.0.0)
    package25273 (1.0.0)
    package25274 (1.0.0)
    package25275 (1.0.0)
    package25276 (1.0.0)
    package25277 (1.0.0)
    package25278 (1.0.0)
    package25279 (1.0.0)
    package25280 (1.0.0)
    package25281 (1.0.0)
    package25282 (1.0.0)
    package25283 (1.0.0)
    package25284 (1.0.0)
    package25285 (1.0.0)
    package25286 (1.0.0)
    package25287 (1.0.0)
    package25288 (1.0.0)
    package25289 (1.0.0)
    package25290 (1.0.0)
    package25291 (1.0.0)
    package25292 (1.0.0)
    package25293 (1.0.0)
    package25294 (1.0.0)
    package25295 (1.0.0)
    package25296 (1.0.0)
    package25297 (1.0.0)
    package25298 (1.0.0)
    package25299 (1.0.0)
    package25300 (1.0.0)
    package25301 (1.0.0)
    package25302 (1.0.0)
    package25303 (1.0.0)
    package25304 (1.0.0)
    package25305 (1.0.0)
    package25306 (1.0.0)
    package25307 (1.0.0)
    package25308 (1.0.0)
    package25309 (1.0.0)
    package25310 (1.0.0)
    package25311 (1.0.0)
    package25312 (1.0.0)
    package25313 (1.0.0)
    package25314 (1.0.0)
    package25315 (1.0.0)
    package25316 (1.0.0)
    package25317 (1.0.0)
    package25318 (1.0.0)
    package25319 (1.0.0)
    package25320 (1.0.0)
    package25321 (1.0.0)
    package25322 (1.0.0)
    package25323 (1.0.0)
    package25324 (1.0.0)
    package25325 (1.0.0)
    package25326 (1.0.0)
    package25327 (1.0.0)
    package25328 (1.0.0)
    package25329 (1.0.0)
    package25330 (1.0.0)
    package25331 (1.0.0)
    package25332 (1.0.0)
    package25333 (1.0.0)
    package25334 (1.0.0)
    package25335 (1.0.0)
    package25336 (1.0.0)
    package25337 (1.0.0)
    package25338 (1.0.0)
    package25339 (1.0.0)
    package25340 (1.0.0)
    package25341 (1.0.0)
    package25342 (1.0.0)
    package25343 (1.0.0)
    package25344 (1.0.0)
    package25345 (1.0.0)
    package25346 (1.0.0)
    package25347 (1.0.0)
    package25348 (1.0.0)
    package25349 (1.0.0)
    package25350 (1.0.0)
    package25351 (1.0.0)
    package25352 (1.0.0)
    package25353 (1.0.0)
    package25354 (1.0.0)
    package25355 (1.0.0)
    package25356 (1.0.0)
    package25357 (1.0.0)
    package25358 (1.0.0)
    package25359 (1.0.0)
    package25360 (1.0.0)
    package25361 (1.0.0)
    package25362 (1.0.0)
    package25363 (1.0.0)
    package25364 (1.0.0)
    package25365 (1.0.0)
    package25366 (1.0.0)
    package25367 (1.0.0)
    package25368 (1.0.0)
    package25369 (1.0.0)
    package25370 (1.0.0)
    package25371 (1.0.0)
    package25372 (1.0.0)
    package25373 (1.0.0)
    package25374 (1.0.0)
    package25375 (1.0.0)
    package25376 (1.0.0)
    package25377 (1.0.0)
    package25378 (1.0.0)
    package25379 (1.0.0)
    package25380 (1.0.0)
    package25381 (1.0.0)
    package25382 (1.0.0)
    package25383 (1.0.0)
    package25384 (1.0.0)
    package25385 (1.0.0)
    package25386 (1.0.0)
    package25387 (1.0.0)
    package25388 (1.0.0)
    package25389 (1.0.0)
    package25390 (1.0.0)
    package25391 (1.0.0)
    package25392 (1.0.0)
    package25393 (1.0.0)
    package25394 (1.0.0)
    package25395 (1.0.0)
    package25396 (1.0.0)
    package25397 (1.0.0)
    package25398 (1.0.0)
    package25399 (1.0.0)
    package25400 (1.0.0)
    package25401 (1.0.0)
    package25402 (1.0.0)
    package25403 (1.0.0)
    package25404 (1.0.0)
    package25405 (1.0.0)
    package25406 (1.0.0)
    package25407 (1.0.0)
    package25408 (1.0.0)
    package25409 (1.0.0)
    package25410 (1.0.0)
    package25411 (1.0.0)
    package25412 (1.0.0)
    package25413 (1.0.0)
    package25414 (1.0.0)
    package25415 (1.0.0)
    package25416 (1.0.0)
    package25417 (1.0.0)
    package25418 (1.0.0)
    package25419 (1.0.0)
    package25420 (1.0.0)
    package25421 (1.0.0)
    package25422 (1.0.0)
    package25423 (1.0.0)
    package25424 (1.0.0)
    package25425 (1.0.0)
    package25426 (1.0.0)
    package25427 (1.0.0)
    package25428 (1.0.0)
    package25429 (1.0.0)
    package25430 (1.0.0)
    package25431 (1.0.0)
    package25432 (1.0.0)
    package25433 (1.0.0)
    package25434 (1.0.0)
    package25435 (1.0.0)
    package25436 (1.0.0)
    package25437 (1.0.0)
    package25438 (1.0.0)
    package25439 (1.0.0)
    package25440 (1.0.0)
    package25441 (1.0.0)
    package25442 (1.0.0)
    package25443 (1.0.0)
    package25444 (1.0.0)
    package25445 (1.0.0)
    package25446 (1.0.0)
    package25447 (1.0.0)
    package25448 (1.0.0)
    package25449 (1.0.0)
    package25450 (1.0.0)
    package25451 (1.0.0)
    package25452 (1.0.0)
    package25453 (1.0.0)
    package25454 (1.0.0)
    package25455 (1.0.0)
    package25456 (1.0.0)
    package25457 (1.0.0)
    package25458 (1.0.0)
    package25459 (1.0.0)
    package25460 (1.0.0)
    package25461 (1.0.0)
    package25462 (1.0.0)
    package25463 (1.0.0)
    package25464 (1.0.0)
    package25465 (1.0.0)
    package25466 (1.0.0)
    package25467 (1.0.0)
    package25468 (1.0.0)
    package25469 (1.0.0)
    package25470 (1.0.0)
    package25471 (1.0.0)
    package25472 (1.0.0)
    package25473 (1.0.0)
    package25474 (1.0.0)
    package25475 (1.0.0)
    package25476 (1.0.0)
    package25477 (1.0.0)
    package25478 (1.0.0)
    package25479 (1.0.0)
    package25480 (1.0.0)
    package25481 (1.0.0)
    package25482 (1.0.0)
    package25483 (1.0.0)
    package25484 (1.0.0)
    package25485 (1.0.0)
    package25486 (1.0.0)
    package25487 (1.0.0)
    package25488 (1.0.0)
    package25489 (1.0.0)
    package25490 (1.0.0)
    package25491 (1.0.0)
    package25492 (1.0.0)
    package25493 (1.0.0)
    package25494 (1.0.0)
    package25495 (1.0.0)
    package25496 (1.0.0)
    package25497 (1.0.0)
    package25498 (1.0.0)
    package25499 (1.0.0)
    package25500 (1.0.0)
    package25501 (1.0.0)
    package25502 (1.0.0)
    package25503 (1.0.0)
    package25504 (1.0.0)
    package25505 (1.0.0)
    package25506 (1.0.0)
    package25507 (1.0.0)
    package25508 (1.0.0)
    package25509 (1.0.0)
    package25510 (1.0.0)
    package25511 (1.0.0)
    package25512 (1.0.0)
    package25513 (1.0.0)
    package25514 (1.0.0)
    package25515 (1.0.0)
    package25516 (1.0.0)
    package25517 (1.0.0)
    package25518 (1.0.0)
    package25519 (1.0.0)
    package25520 (1.0.0)
    package25521 (1.0.0)
    package25522 (1.0.0)
    package25523 (1.0.0)
    package25524 (1.0.0)
    package25525 (1.0.0)
    package25526 (1.0.0)
    package25527 (1.0.0)
    package25528 (1.0.0)
    package25529 (1.0.0)
    package25530 (1.0.0)
    package25531 (1.0.0)
    package25532 (1.0.0)
    package25533 (1.0.0)
    package25534 (1.0.0)
    package25535 (1.0.0)
    package25536 (1.0.0)
    package25537 (1.0.0)
    package25538 (1.0.0)
    package25539 (1.0.0)
    package25540 (1.0.0)
    package25541 (1.0.0)
    package25542 (1.0.0)
    package25543 (1.0.0)
    package25544 (1.0.0)
    package25545 (1.0.0)
    package25546 (1.0.0)
    package25547 (1.0.0)
    package25548 (1.0.0)
    package25549 (1.0.0)
    package25550 (1.0.0)
    package25551 (1.0.0)
    package25552 (1.0.0)
    package25553 (1.0.0)
    package25554 (1.0.0)
    package25555 (1.0.0)
    package25556 (1.0.0)
    package25557 (1.0.0)
    package25558 (1.0.0)
    package25559 (1.0.0)
    package25560 (1.0.0)
    package25561 (1.0.0)
    package25562 (1.0.0)
    package25563 (1.0.0)
    package25564 (1.0.0)
    package25565 (1.0.0)
    package25566 (1.0.0)
    package25567 (1.0.0)
    package25568 (1.0.0)
    package25569 (1.0.0)
    package25570 (1.0.0)
    package25571 (1.0.0)
    package25572 (1.0.0)
    package25573 (1.0.0)
    package25574 (1.0.0)
    package25575 (1.0.0)
    package25576 (1.0.0)
    package25577 (1.0.0)
    package25578 (1.0.0)
    package25579 (1.0.0)
    package25580 (1.0.0)
    package25581 (1.0.0)
    package25582 (1.0.0)
    package25583 (1.0.0)
    package25584 (1.0.0)
    package25585 (1.0.0)
    package25586 (1.0.0)
    package25587 (1.0.0)
    package25588 (1.0.0)
    package25589 (1.0.0)
    package25590 (1.0.0)
    package25591 (1.0.0)
    package25592 (1.0.0)
    package25593 (1.0.0)
    package25594 (1.0.0)
    package25595 (1.0.0)
    package25596 (1.0.0)
    package25597 (1.0.0)
    package25598 (1.0.0)
    package25599 (1.0.0)
    package25600 (1.0.0)
    package25601 (1.0.0)
    package25602 (1.0.0)
    package25603 (1.0.0)
    package25604 (1.0.0)
    package25605 (1.0.0)
    package25606 (1.0.0)
    package25607 (1.0.0)
    package25608 (1.0.0)
    package25609 (1.0.0)
    package25610 (1.0.0)
    package25611 (1.0.0)
    package25612 (1.0.0)
    package25613 (1.0.0)
    package25614 (1.0.0)
    package25615 (1.0.0)
    package25616 (1.0.0)
    package25617 (1.0.0)
    package25618 (1.0.0)
    package25619 (1.0.0)
    package25620 (1.0.0)
    package25621 (1.0.0)
    package25622 (1.0.0)
    package25623 (1.0.0)
    package25624 (1.0.0)
    package25625 (1.0.0)
    package25626 (1.0.0)
    package25627 (1.0.0)
    package25628 (1.0.0)
    package25629 (1.0.0)
    package25630 (1.0.0)
    package25631 (1.0.0)
    package25632 (1.0.0)
    package25633 (1.0.0)
    package25634 (1.0.0)
    package25635 (1.0.0)
    package25636 (1.0.0)
    package25637 (1.0.0)
    package25638 (1.0.0)
    package25639 (1.0.0)
    package25640 (1.0.0)
    package25641 (1.0.0)
    package25642 (1.0.0)
    package25643 (1.0.0)
    package25644 (1.0.0)
    package25645 (1.0.0)
    package25646 (1.0.0)
    package25647 (1.0.0)
    package25648 (1.0.0)
    package25649 (1.0.0)
    package25650 (1.0.0)
    package25651 (1.0.0)
    package25652 (1.0.0)
    package25653 (1.0.0)
    package25654 (1.0.0)
    package25655 (1.0.0)
    package25656 (1.0.0)
    package25657 (1.0.0)
    package25658 (1.0.0)
    package25659 (1.0.0)
    package25660 (1.0.0)
    package25661 (1.0.0)
    package25662 (1.0.0)
    package25663 (1.0.0)
    package25664 (1.0.0)
    package25665 (1.0.0)
    package25666 (1.0.0)
    package25667 (1.0.0)
    package25668 (1.0.0)
    package25669 (1.0.0)
    package25670 (1.0.0)
    package25671 (1.0.0)
    package25672 (1.0.0)
    package25673 (1.0.0)
    package25674 (1.0.0)
    package25675 (1.0.0)
    package25676 (1.0.0)
    package25677 (1.0.0)
    package25678 (1.0.0)
    package25679 (1.0.0)
    package25680 (1.0.0)
    package25681 (1.0.0)
    package25682 (1.0.0)
    package25683 (1.0.0)
    package25684 (1.0.0)
    package25685 (1.0.0)
    package25686 (1.0.0)
    package25687 (1.0.0)
    package25688 (1.0.0)
    package25689 (1.0.0)
    package25690 (1.0.0)
    package25691 (1.0.0)
    package25692 (1.0.0)
    package25693 (1.0.0)
    package25694 (1.0.0)
    package25695 (1.0.0)
    package25696 (1.0.0)
    package25697 (1.0.0)
    package25698 (1.0.0)
    package25699 (1.0.0)
    package25700 (1.0.0)
    package25701 (1.0.0)
    package25702 (1.0.0)
    package25703 (1.0.0)
    package25704 (1.0.0)
    package25705 (1.0.0)
    package25706 (1.0.0)
    package25707 (1.0.0)
    package25708 (1.0.0)
    package25709 (1.0.0)
    package25710 (1.0.0)
    package25711 (1.0.0)
    package25712 (1.0.0)
    package25713 (1.0.0)
    package25714 (1.0.0)
    package25715 (1.0.0)
    package25716 (1.0.0)
    package25717 (1.0.0)
    package25718 (1.0.0)
    package25719 (1.0.0)
    package25720 (1.0.0)
    package25721 (1.0.0)
    package25722 (1.0.0)
    package25723 (1.0.0)
    package25724 (1.0.0)
    package25725 (1.0.0)
    package25726 (1.0.0)
    package25727 (1.0.0)
    package25728 (1.0.0)
    package25729 (1.0.0)
    package25730 (1.0.0)
    package25731 (1.0.0)
    package25732 (1.0.0)
    package25733 (1.0.0)
    package25734 (1.0.0)
    package25735 (1.0.0)
    package25736 (1.0.0)
    package25737 (1.0.0)
    package25738 (1.0.0)
    package25739 (1.0.0)
    package25740 (1.0.0)
    package25741 (1.0.0)
    package25742 (1.0.0)
    package25743 (1.0.0)
    package25744 (1.0.0)
    package25745 (1.0.0)
    package25746 (1.0.0)
    package25747 (1.0.0)
    package25748 (1.0.0)
    package25749 (1.0.0)
    package25750 (1.0.0)
    package25751 (1.0.0)
    package25752 (1.0.0)
    package25753 (1.0.0)
    package25754 (1.0.0)
    package25755 (1.0.0)
    package25756 (1.0.0)
    package25757 (1.0.0)
    package25758 (1.0.0)
    package25759 (1.0.0)
    package25760 (1.0.0)
    package25761 (1.0.0)
    package25762 (1.0.0)
    package25763 (1.0.0)
    package25764 (1.0.0)
    package25765 (1.0.0)
    package25766 (1.0.0)
    package25767 (1.0.0)
    package25768 (1.0.0)
    package25769 (1.0.0)
    package25770 (1.0.0)
    package25771 (1.0.0)
    package25772 (1.0.0)
    package25773 (1.0.0)
    package25774 (1.0.0)
    package25775 (1.0.0)
    package25776 (1.0.0)
    package25777 (1.0.0)
    package25778 (1.0.0)
    package25779 (1.0.0)
    package25780 (1.0.0)
    package25781 (1.0.0)
    package25782 (1.0.0)
    package25783 (1.0.0)
    package25784 (1.0.0)
    package25785 (1.0.0)
    package25786 (1.0.0)
    package25787 (1.0.0)
    package25788 (1.0.0)
    package25789 (1.0.0)
    package25790 (1.0.0)
    package25791 (1.0.0)
    package25792 (1.0.0)
    package25793 (1.0.0)
    package25794 (1.0.0)
    package25795 (1.0.0)
    package25796 (1.0.0)
    package25797 (1.0.0)
    package25798 (1.0.0)
    package25799 (1.0.0)
    package25800 (1.0.0)
    package25801 (1.0.0)
    package25802 (1.0.0)
    package25803 (1.0.0)
    package25804 (1.0.0)
    package25805 (1.0.0)
    package25806 (1.0.0)
    package25807 (1.0.0)
    package25808 (1.0.0)
    package25809 (1.0.0)
    package25810 (1.0.0)
    package25811 (1.0.0)
    package25812 (1.0.0)
    package25813 (1.0.0)
    package25814 (1.0.0)
    package25815 (1.0.0)
    package25816 (1.0.0)
    package25817 (1.0.0)
    package25818 (1.0.0)
    package25819 (1.0.0)
    package25820 (1.0.0)
    package25821 (1.0.0)
    package25822 (1.0.0)
    package25823 (1.0.0)
    package25824 (1.0.0)
    package25825 (1.0.0)
    package25826 (1.0.0)
    package25827 (1.0.0)
    package25828 (1.0.0)
    package25829 (1.0.0)
    package25830 (1.0.0)
    package25831 (1.0.0)
    package25832 (1.0.0)
    package25833 (1.0.0)
    package25834 (1.0.0)
    package25835 (1.0.0)
    package25836 (1.0.0)
    package25837 (1.0.0)
    package25838 (1.0.0)
    package25839 (1.0.0)
    package25840 (1.0.0)
    package25841 (1.0.0)
    package25842 (1.0.0)
    package25843 (1.0.0)
    package25844 (1.0.0)
    package25845 (1.0.0)
    package25846 (1.0.0)
    package25847 (1.0.0)
    package25848 (1.0.0)
    package25849 (1.0.0)
    package25850 (1.0.0)
    package25851 (1.0.0)
    package25852 (1.0.0)
    package25853 (1.0.0)
    package25854 (1.0.0)
    package25855 (1.0.0)
    package25856 (1.0.0)
    package25857 (1.0.0)
    package25858 (1.0.0)
    package25859 (1.0.0)
    package25860 (1.0.0)
    package25861 (1.0.0)
    package25862 (1.0.0)
    package25863 (1.0.0)
    package25864 (1.0.0)
    package25865 (1.0.0)
    package25866 (1.0.0)
    package25867 (1.0.0)
    package25868 (1.0.0)
    package25869 (1.0.0)
    package25870 (1.0.0)
    package25871 (1.0.0)
    package25872 (1.0.0)
    package25873 (1.0.0)
    package25874 (1.0.0)
    package25875 (1.0.0)
    package25876 (1.0.0)
    package25877 (1.0.0)
    package25878 (1.0.0)
    package25879 (1.0.0)
    package25880 (1.0.0)
    package25881 (1.0.0)
    package25882 (1.0.0)
    package25883 (1.0.0)
    package25884 (1.0.0)
    package25885 (1.0.0)
    package25886 (1.0.0)
    package25887 (1.0.0)
    package25888 (1.0.0)
    package25889 (1.0.0)
    package25890 (1.0.0)
    package25891 (1.0.0)
    package25892 (1.0.0)
    package25893 (1.0.0)
    package25894 (1.0.0)
    package25895 (1.0.0)
    package25896 (1.0.0)
    package25897 (1.0.0)
    package25898 (1.0.0)
    package25899 (1.0.0)
    package25900 (1.0.0)
    package25901 (1.0.0)
    package25902 (1.0.0)
    package25903 (1.0.0)
    package25904 (1.0.0)
    package25905 (1.0.0)
    package25906 (1.0.0)
    package25907 (1.0.0)
    package25908 (1.0.0)
    package25909 (1.0.0)
    package25910 (1.0.0)
    package25911 (1.0.0)
    package25912 (1.0.0)
    package25913 (1.0.0)
    package25914 (1.0.0)
    package25915 (1.0.0)
    package25916 (1.0.0)
    package25917 (1.0.0)
    package25918 (1.0.0)
    package25919 (1.0.0)
    package25920 (1.0.0)
    package25921 (1.0.0)
    package25922 (1.0.0)
    package25923 (1.0.0)
    package25924 (1.0.0)
    package25925 (1.0.0)
    package25926 (1.0.0)
    package25927 (1.0.0)
    package25928 (1.0.0)
    package25929 (1.0.0)
    package25930 (1.0.0)
    package25931 (1.0.0)
    package25932 (1.0.0)
    package25933 (1.0.0)
    package25934 (1.0.0)
    package25935 (1.0.0)
    package25936 (1.0.0)
    package25937 (1.0.0)
    package25938 (1.0.0)
    package25939 (1.0.0)
    package25940 (1.0.0)
    package25941 (1.0.0)
    package25942 (1.0.0)
    package25943 (1.0.0)
    package25944 (1.0.0)
    package25945 (1.0.0)
    package25946 (1.0.0)
    package25947 (1.0.0)
    package25948 (1.0.0)
    package25949 (1.0.0)
    package25950 (1.0.0)
    package25951 (1.0.0)
    package25952 (1.0.0)
    package25953 (1.0.0)
    package25954 (1.0.0)
    package25955 (1.0.0)
    package25956 (1.0.0)
    package25957 (1.0.0)
    package25958 (1.0.0)
    package25959 (1.0.0)
    package25960 (1.0.0)
    package25961 (1.0.0)
    package25962 (1.0.0)
    package25963 (1.0.0)
    package25964 (1.0.0)
    package25965 (1.0.0)
    package25966 (1.0.0)
    package25967 (1.0.0)
    package25968 (1.0.0)
    package25969 (1.0.0)
    package25970 (1.0.0)
    package25971 (1.0.0)
    package25972 (1.0.0)
    package25973 (1.0.0)
    package25974 (1.0.0)
    package25975 (1.0.0)
    package25976 (1.0.0)
    package25977 (1.0.0)
    package25978 (1.0.0)
    package25979 (1.0.0)
    package25980 (1.0.0)
    package25981 (1.0.0)
    package25982 (1.0.0)
    package25983 (1.0.0)
    package25984 (1.0.0)
    package25985 (1.0.0)
    package25986 (1.0.0)
    package25987 (1.0.0)
    package25988 (1.0.0)
    package25989 (1.0.0)
    package25990 (1.0.0)
    package25991 (1.0.0)
    package25992 (1.0.0)
    package25993 (1.0.0)
    package25994 (1.0.0)
    package25995 (1.0.0)
    package25996 (1.0.0)
    package25997 (1.0.0)
    package25998 (1.0.0)
    package25999 (1.0.0)
    package26000 (1.0.0)
    package26001 (1.0.0)
    package26002 (1.0.0)
    package26003 (1.0.0)
    package26004 (1.0.0)
    package26005 (1.0.0)
    package26006 (1.0.0)
    package26007 (1.0.0)
    package26008 (1.0.0)
    package26009 (1.0.0)
    package26010 (1.0.0)
    package26011 (1.0.0)
    package26012 (1.0.0)
    package26013 (1.0.0)
    package26014 (1.0.0)
    package26015 (1.0.0)
    package26016 (1.0.0)
    package26017 (1.0.0)
    package26018 (1.0.0)
    package26019 (1.0.0)
    package26020 (1.0.0)
    package26021 (1.0.0)
    package26022 (1.0.0)
    package26023 (1.0.0)
    package26024 (1.0.0)
    package26025 (1.0.0)
    package26026 (1.0.0)
    package26027 (1.0.0)
    package26028 (1.0.0)
    package26029 (1.0.0)
    package26030 (1.0.0)
    package26031 (1.0.0)
    package26032 (1.0.0)
    package26033 (1.0.0)
    package26034 (1.0.0)
    package26035 (1.0.0)
    package26036 (1.0.0)
    package26037 (1.0.0)
    package26038 (1.0.0)
    package26039 (1.0.0)
    package26040 (1.0.0)
    package26041 (1.0.0)
    package26042 (1.0.0)
    package26043 (1.0.0)
    package26044 (1.0.0)
    package26045 (1.0.0)
    package26046 (1.0.0)
    package26047 (1.0.0)
    package26048 (1.0.0)
    package26049 (1.0.0)
    package26050 (1.0.0)
    package26051 (1.0.0)
    package26052 (1.0.0)
    package26053 (1.0.0)
    package26054 (1.0.0)
    package26055 (1.0.0)
    package26056 (1.0.0)
    package26057 (1.0.0)
    package26058 (1.0.0)
    package26059 (1.0.0)
    package26060 (1.0.0)
    package26061 (1.0.0)
    package26062 (1.0.0)
    package26063 (1.0.0)
    package26064 (1.0.0)
    package26065 (1.0.0)
    package26066 (1.0.0)
    package26067 (1.0.0)
    package26068 (1.0.0)
    package26069 (1.0.0)
    package26070 (1.0.0)
    package26071 (1.0.0)
    package26072 (1.0.0)
    package26073 (1.0.0)
    package26074 (1.0.0)
    package26075 (1.0.0)
    package26076 (1.0.0)
    package26077 (1.0.0)
    package26078 (1.0.0)
    package26079 (1.0.0)
    package26080 (1.0.0)
    package26081 (1.0.0)
    package26082 (1.0.0)
    package26083 (1.0.0)
    package26084 (1.0.0)
    package26085 (1.0.0)
    package26086 (1.0.0)
    package26087 (1.0.0)
    package26088 (1.0.0)
    package26089 (1.0.0)
    package26090 (1.0.0)
    package26091 (1.0.0)
    package26092 (1.0.0)
    package26093 (1.0.0)
    package26094 (1.0.0)
    package26095 (1.0.0)
    package26096 (1.0.0)
    package26097 (1.0.0)
    package26098 (1.0.0)
    package26099 (1.0.0)
    package26100 (1.0.0)
    package26101 (1.0.0)
    package26102 (1.0.0)
    package26103 (1.0.0)
    package26104 (1.0.0)
    package26105 (1.0.0)
    package26106 (1.0.0)
    package26107 (1.0.0)
    package26108 (1.0.0)
    package26109 (1.0.0)
    package26110 (1.0.0)
    package26111 (1.0.0)
    package26112 (1.0.0)
    package26113 (1.0.0)
    package26114 (1.0.0)
    package26115 (1.0.0)
    package26116 (1.0.0)
    package26117 (1.0.0)
    package26118 (1.0.0)
    package26119 (1.0.0)
    package26120 (1.0.0)
    package26121 (1.0.0)
    package26122 (1.0.0)
    package26123 (1.0.0)
    package26124 (1.0.0)
    package26125 (1.0.0)
    package26126 (1.0.0)
    package26127 (1.0.0)
    package26128 (1.0.0)
    package26129 (1.0.0)
    package26130 (1.0.0)
    package26131 (1.0.0)
    package26132 (1.0.0)
    package26133 (1.0.0)
    package26134 (1.0.0)
    package26135 (1.0.0)
    package26136 (1.0.0)
    package26137 (1.0.0)
    package26138 (1.0.0)
    package26139 (1.0.0)
    package26140 (1.0.0)
    package26141 (1.0.0)
    package26142 (1.0.0)
    package26143 (1.0.0)
    package26144 (1.0.0)
    package26145 (1.0.0)
    package26146 (1.0.0)
    package26147 (1.0.0)
    package26148 (1.0.0)
    package26149 (1.0.0)
    package26150 (1.0.0)
    package26151 (1.0.0)
    package26152 (1.0.0)
    package26153 (1.0.0)
    package26154 (1.0.0)
    package26155 (1.0.0)
    package26156 (1.0.0)
    package26157 (1.0.0)
    package26158 (1.0.0)
    package26159 (1.0.0)
    package26160 (1.0.0)
    package26161 (1.0.0)
    package26162 (1.0.0)
    package26163 (1.0.0)
    package26164 (1.0.0)
    package26165 (1.0.0)
    package26166 (1.0.0)
    package26167 (1.0.0)
    package26168 (1.0.0)
    package26169 (1.0.0)
    package26170 (1.0.0)
    package26171 (1.0.0)
    package26172 (1.0.0)
    package26173 (1.0.0)
    package26174 (1.0.0)
    package26175 (1.0.0)
    package26176 (1.0.0)
    package26177 (1.0.0)
    package26178 (1.0.0)
    package26179 (1.0.0)
    package26180 (1.0.0)
    package26181 (1.0.0)
    package26182 (1.0.0)
    package26183 (1.0.0)
    package26184 (1.0.0)
    package26185 (1.0.0)
    package26186 (1.0.0)
    package26187 (1.0.0)
    package26188 (1.0.0)
    package26189 (1.0.0)
    package26190 (1.0.0)
    package26191 (1.0.0)
    package26192 (1.0.0)
    package26193 (1.0.0)
    package26194 (1.0.0)
    package26195 (1.0.0)
    package26196 (1.0.0)
    package26197 (1.0.0)
    package26198 (1.0.0)
    package26199 (1.0.0)
    package26200 (1.0.0)
    package26201 (1.0.0)
    package26202 (1.0.0)
    package26203 (1.0.0)
    package26204 (1.0.0)
    package26205 (1.0.0)
    package26206 (1.0.0)
    package26207 (1.0.0)
    package26208 (1.0.0)
    package26209 (1.0.0)
    package26210 (1.0.0)
    package26211 (1.0.0)
    package26212 (1.0.0)
    package26213 (1.0.0)
    package26214 (1.0.0)
    package26215 (1.0.0)
    package26216 (1.0.0)
    package26217 (1.0.0)
    package26218 (1.0.0)
    package26219 (1.0.0)
    package26220 (1.0.0)
    package26221 (1.0.0)
    package26222 (1.0.0)
    package26223 (1.0.0)
    package26224 (1.0.0)
    package26225 (1.0.0)
    package26226 (1.0.0)
    package26227 (1.0.0)
    package26228 (1.0.0)
    package26229 (1.0.0)
    package26230 (1.0.0)
    package26231 (1.0.0)
    package26232 (1.0.0)
    package26233 (1.0.0)
    package26234 (1.0.0)
    package26235 (1.0.0)
    package26236 (1.0.0)
    package26237 (1.0.0)
    package26238 (1.0.0)
    package26239 (1.0.0)
    package26240 (1.0.0)
    package26241 (1.0.0)
    package26242 (1.0.0)
    package26243 (1.0.0)
    package26244 (1.0.0)
    package26245 (1.0.0)
    package26246 (1.0.0)
    package26247 (1.0.0)
    package26248 (1.0.0)
    package26249 (1.0.0)
    package26250 (1.0.0)
    package26251 (1.0.0)
    package26252 (1.0.0)
    package26253 (1.0.0)
    package26254 (1.0.0)
    package26255 (1.0.0)
    package26256 (1.0.0)
    package26257 (1.0.0)
    package26258 (1.0.0)
    package26259 (1.0.0)
    package26260 (1.0.0)
    package26261 (1.0.0)
    package26262 (1.0.0)
    package26263 (1.0.0)
    package26264 (1.0.0)
    package26265 (1.0.0)
    package26266 (1.0.0)
    package26267 (1.0.0)
    package26268 (1.0.0)
    package26269 (1.0.0)
    package26270 (1.0.0)
    package26271 (1.0.0)
    package26272 (1.0.0)
    package26273 (1.0.0)
    package26274 (1.0.0)
    package26275 (1.0.0)
    package26276 (1.0.0)
    package26277 (1.0.0)
    package26278 (1.0.0)
    package26279 (1.0.0)
    package26280 (1.0.0)
    package26281 (1.0.0)
    package26282 (1.0.0)
    package26283 (1.0.0)
    package26284 (1.0.0)
    package26285 (1.0.0)
    package26286 (1.0.0)
    package26287 (1.0.0)
    package26288 (1.0.0)
    package26289 (1.0.0)
    package26290 (1.0.0)
    package26291 (1.0.0)
    package26292 (1.0.0)
    package26293 (1.0.0)
    package26294 (1.0.0)
    package26295 (1.0.0)
    package26296 (1.0.0)
    package26297 (1.0.0)
    package26298 (1.0.0)
    package26299 (1.0.0)
    package26300 (1.0.0)
    package26301 (1.0.0)
    package26302 (1.0.0)
    package26303 (1.0.0)
    package26304 (1.0.0)
    package26305 (1.0.0)
    package26306 (1.0.0)
    package26307 (1.0.0)
    package26308 (1.0.0)
    package26309 (1.0.0)
    package26310 (1.0.0)
    package26311 (1.0.0)
    package26312 (1.0.0)
    package26313 (1.0.0)
    package26314 (1.0.0)
    package26315 (1.0.0)
    package26316 (1.0.0)
    package26317 (1.0.0)
    package26318 (1.0.0)
    package26319 (1.0.0)
    package26320 (1.0.0)
    package26321 (1.0.0)
    package26322 (1.0.0)
    package26323 (1.0.0)
    package26324 (1.0.0)
    package26325 (1.0.0)
    package26326 (1.0.0)
    package26327 (1.0.0)
    package26328 (1.0.0)
    package26329 (1.0.0)
    package26330 (1.0.0)
    package26331 (1.0.0)
    package26332 (1.0.0)
    package26333 (1.0.0)
    package26334 (1.0.0)
    package26335 (1.0.0)
    package26336 (1.0.0)
    package26337 (1.0.0)
    package26338 (1.0.0)
    package26339 (1.0.0)
    package26340 (1.0.0)
    package26341 (1.0.0)
    package26342 (1.0.0)
    package26343 (1.0.0)
    package26344 (1.0.0)
    package26345 (1.0.0)
    package26346 (1.0.0)
    package26347 (1.0.0)
    package26348 (1.0.0)
    package26349 (1.0.0)
    package26350 (1.0.0)
    package26351 (1.0.0)
    package26352 (1.0.0)
    package26353 (1.0.0)
    package26354 (1.0.0)
    package26355 (1.0.0)
    package26356 (1.0.0)
    package26357 (1.0.0)
    package26358 (1.0.0)
    package26359 (1.0.0)
    package26360 (1.0.0)
    package26361 (1.0.0)
    package26362 (1.0.0)
    package26363 (1.0.0)
    package26364 (1.0.0)
    package26365 (1.0.0)
    package26366 (1.0.0)
    package26367 (1.0.0)
    package26368 (1.0.0)
    package26369 (1.0.0)
    package26370 (1.0.0)
    package26371 (1.0.0)
    package26372 (1.0.0)
    package26373 (1.0.0)
    package26374 (1.0.0)
    package26375 (1.0.0)
    package26376 (1.0.0)
    package26377 (1.0.0)
    package26378 (1.0.0)
    package26379 (1.0.0)
    package26380 (1.0.0)
    package26381 (1.0.0)
    package26382 (1.0.0)
    package26383 (1.0.0)
    package26384 (1.0.0)
    package26385 (1.0.0)
    package26386 (1.0.0)
    package26387 (1.0.0)
    package26388 (1.0.0)
    package26389 (1.0.0)
    package26390 (1.0.0)
    package26391 (1.0.0)
    package26392 (1.0.0)
    package26393 (1.0.0)
    package26394 (1.0.0)
    package26395 (1.0.0)
    package26396 (1.0.0)
    package26397 (1.0.0)
    package26398 (1.0.0)
    package26399 (1.0.0)
    package26400 (1.0.0)
    package26401 (1.0.0)
    package26402 (1.0.0)
    package26403 (1.0.0)
    package26404 (1.0.0)
    package26405 (1.0.0)
    package26406 (1.0.0)
    package26407 (1.0.0)
    package26408 (1.0.0)
    package26409 (1.0.0)
    package26410 (1.0.0)
    package26411 (1.0.0)
    package26412 (1.0.0)
    package26413 (1.0.0)
    package26414 (1.0.0)
    package26415 (1.0.0)
    package26416 (1.0.0)
    package26417 (1.0.0)
    package26418 (1.0.0)
    package26419 (1.0.0)
    package26420 (1.0.0)
    package26421 (1.0.0)
    package26422 (1.0.0)
    package26423 (1.0.0)
    package26424 (1.0.0)
    package26425 (1.0.0)
    package26426 (1.0.0)
    package26427 (1.0.0)
    package26428 (1.0.0)
    package26429 (1.0.0)
    package26430 (1.0.0)
    package26431 (1.0.0)
    package26432 (1.0.0)
    package26433 (1.0.0)
    package26434 (1.0.0)
    package26435 (1.0.0)
    package26436 (1.0.0)
    package26437 (1.0.0)
    package26438 (1.0.0)
    package26439 (1.0.0)
    package26440 (1.0.0)
    package26441 (1.0.0)
    package26442 (1.0.0)
    package26443 (1.0.0)
    package26444 (1.0.0)
    package26445 (1.0.0)
    package26446 (1.0.0)
    package26447 (1.0.0)
    package26448 (1.0.0)
    package26449 (1.0.0)
    package26450 (1.0.0)
    package26451 (1.0.0)
    package26452 (1.0.0)
    package26453 (1.0.0)
    package26454 (1.0.0)
    package26455 (1.0.0)
    package26456 (1.0.0)
    package26457 (1.0.0)
    package26458 (1.0.0)
    package26459 (1.0.0)
    package26460 (1.0.0)
    package26461 (1.0.0)
    package26462 (1.0.0)
    package26463 (1.0.0)
    package26464 (1.0.0)
    package26465 (1.0.0)
    package26466 (1.0.0)
    package26467 (1.0.0)
    package26468 (1.0.0)
    package26469 (1.0.0)
    package26470 (1.0.0)
    package26471 (1.0.0)
    package26472 (1.0.0)
    package26473 (1.0.0)
    package26474 (1.0.0)
    package26475 (1.0.0)
    package26476 (1.0.0)
    package26477 (1.0.0)
    package26478 (1.0.0)
    package26479 (1.0.0)
    package26480 (1.0.0)
    package26481 (1.0.0)
    package26482 (1.0.0)
    package26483 (1.0.0)
    package26484 (1.0.0)
    package26485 (1.0.0)
    package26486 (1.0.0)
    package26487 (1.0.0)
    package26488 (1.0.0)
    package26489 (1.0.0)
    package26490 (1.0.0)
    package26491 (1.0.0)
    package26492 (1.0.0)
    package26493 (1.0.0)
    package26494 (1.0.0)
    package26495 (1.0.0)
    package26496 (1.0.0)
    package26497 (1.0.0)
    package26498 (1.0.0)
    package26499 (1.0.0)
    package26500 (1.0.0)
    package26501 (1.0.0)
    package26502 (1.0.0)
    package26503 (1.0.0)
    package26504 (1.0.0)
    package26505 (1.0.0)
    package26506 (1.0.0)
    package26507 (1.0.0)
    package26508 (1.0.0)
    package26509 (1.0.0)
    package26510 (1.0.0)
    package26511 (1.0.0)
    package26512 (1.0.0)
    package26513 (1.0.0)
    package26514 (1.0.0)
    package26515 (1.0.0)
    package26516 (1.0.0)
    package26517 (1.0.0)
    package26518 (1.0.0)
    package26519 (1.0.0)
    package26520 (1.0.0)
    package26521 (1.0.0)
    package26522 (1.0.0)
    package26523 (1.0.0)
    package26524 (1.0.0)
    package26525 (1.0.0)
    package26526 (1.0.0)
    package26527 (1.0.0)
    package26528 (1.0.0)
    package26529 (1.0.0)
    package26530 (1.0.0)
    package26531 (1.0.0)
    package26532 (1.0.0)
    package26533 (1.0.0)
    package26534 (1.0.0)
    package26535 (1.0.0)
    package26536 (1.0.0)
    package26537 (1.0.0)
    package26538 (1.0.0)
    package26539 (1.0.0)
    package26540 (1.0.0)
    package26541 (1.0.0)
    package26542 (1.0.0)
    package26543 (1.0.0)
    package26544 (1.0.0)
    package26545 (1.0.0)
    package26546 (1.0.0)
    package26547 (1.0.0)
    package26548 (1.0.0)
    package26549 (1.0.0)
    package26550 (1.0.0)
    package26551 (1.0.0)
    package26552 (1.0.0)
    package26553 (1.0.0)
    package26554 (1.0.0)
    package26555 (1.0.0)
    package26556 (1.0.0)
    package26557 (1.0.0)
    package26558 (1.0.0)
    package26559 (1.0.0)
    package26560 (1.0.0)
    package26561 (1.0.0)
    package26562 (1.0.0)
    package26563 (1.0.0)
    package26564 (1.0.0)
    package26565 (1.0.0)
    package26566 (1.0.0)
    package26567 (1.0.0)
    package26568 (1.0.0)
    package26569 (1.0.0)
    package26570 (1.0.0)
    package26571 (1.0.0)
    package26572 (1.0.0)
    package26573 (1.0.0)
    package26574 (1.0.0)
    package26575 (1.0.0)
    package26576 (1.0.0)
    package26577 (1.0.0)
    package26578 (1.0.0)
    package26579 (1.0.0)
    package26580 (1.0.0)
    package26581 (1.0.0)
    package26582 (1.0.0)
    package26583 (1.0.0)
    package26584 (1.0.0)
    package26585 (1.0.0)
    package26586 (1.0.0)
    package26587 (1.0.0)
    package26588 (1.0.0)
    package26589 (1.0.0)
    package26590 (1.0.0)
    package26591 (1.0.0)
    package26592 (1.0.0)
    package26593 (1.0.0)
    package26594 (1.0.0)
    package26595 (1.0.0)
    package26596 (1.0.0)
    package26597 (1.0.0)
    package26598 (1.0.0)
    package26599 (1.0.0)
    package26600 (1.0.0)
    package26601 (1.0.0)
    package26602 (1.0.0)
    package26603 (1.0.0)
    package26604 (1.0.0)
    package26605 (1.0.0)
    package26606 (1.0.0)
    package26607 (1.0.0)
    package26608 (1.0.0)
    package26609 (1.0.0)
    package26610 (1.0.0)
    package26611 (1.0.0)
    package26612 (1.0.0)
    package26613 (1.0.0)
    package26614 (1.0.0)
    package26615 (1.0.0)
    package26616 (1.0.0)
    package26617 (1.0.0)
    package26618 (1.0.0)
    package26619 (1.0.0)
    package26620 (1.0.0)
    package26621 (1.0.0)
    package26622 (1.0.0)
    package26623 (1.0.0)
    package26624 (1.0.0)
    package26625 (1.0.0)
    package26626 (1.0.0)
    package26627 (1.0.0)
    package26628 (1.0.0)
    package26629 (1.0.0)
    package26630 (1.0.0)
    package26631 (1.0.0)
    package26632 (1.0.0)
    package26633 (1.0.0)
    package26634 (1.0.0)
    package26635 (1.0.0)
    package26636 (1.0.0)
    package26637 (1.0.0)
    package26638 (1.0.0)
    package26639 (1.0.0)
    package26640 (1.0.0)
    package26641 (1.0.0)
    package26642 (1.0.0)
    package26643 (1.0.0)
    package26644 (1.0.0)
    package26645 (1.0.0)
    package26646 (1.0.0)
    package26647 (1.0.0)
    package26648 (1.0.0)
    package26649 (1.0.0)
    package26650 (1.0.0)
    package26651 (1.0.0)
    package26652 (1.0.0)
    package26653 (1.0.0)
    package26654 (1.0.0)
    package26655 (1.0.0)
    package26656 (1.0.0)
    package26657 (1.0.0)
    package26658 (1.0.0)
    package26659 (1.0.0)
    package26660 (1.0.0)
    package26661 (1.0.0)
    package26662 (1.0.0)
    package26663 (1.0.0)
    package26664 (1.0.0)
    package26665 (1.0.0)
    package26666 (1.0.0)
    package26667 (1.0.0)
    package26668 (1.0.0)
    package26669 (1.0.0)
    package26670 (1.0.0)
    package26671 (1.0.0)
    package26672 (1.0.0)
    package26673 (1.0.0)
    package26674 (1.0.0)
    package26675 (1.0.0)
    package26676 (1.0.0)
    package26677 (1.0.0)
    package26678 (1.0.0)
    package26679 (1.0.0)
    package26680 (1.0.0)
    package26681 (1.0.0)
    package26682 (1.0.0)
    package26683 (1.0.0)
    package26684 (1.0.0)
    package26685 (1.0.0)
    package26686 (1.0.0)
    package26687 (1.0.0)
    package26688 (1.0.0)
    package26689 (1.0.0)
    package26690 (1.0.0)
    package26691 (1.0.0)
    package26692 (1.0.0)
    package26693 (1.0.0)
    package26694 (1.0.0)
    package26695 (1.0.0)
    package26696 (1.0.0)
    package26697 (1.0.0)
    package26698 (1.0.0)
    package26699 (1.0.0)
    package26700 (1.0.0)
    package26701 (1.0.0)
    package26702 (1.0.0)
    package26703 (1.0.0)
    package26704 (1.0.0)
    package26705 (1.0.0)
    package26706 (1.0.0)
    package26707 (1.0.0)
    package26708 (1.0.0)
    package26709 (1.0.0)
    package26710 (1.0.0)
    package26711 (1.0.0)
    package26712 (1.0.0)
    package26713 (1.0.0)
    package26714 (1.0.0)
    package26715 (1.0.0)
    package26716 (1.0.0)
    package26717 (1.0.0)
    package26718 (1.0.0)
    package26719 (1.0.0)
    package26720 (1.0.0)
    package26721 (1.0.0)
    package26722 (1.0.0)
    package26723 (1.0.0)
    package26724 (1.0.0)
    package26725 (1.0.0)
    package26726 (1.0.0)
    package26727 (1.0.0)
    package26728 (1.0.0)
    package26729 (1.0.0)
    package26730 (1.0.0)
    package26731 (1.0.0)
    package26732 (1.0.0)
    package26733 (1.0.0)
    package26734 (1.0.0)
    package26735 (1.0.0)
    package26736 (1.0.0)
    package26737 (1.0.0)
    package26738 (1.0.0)
    package26739 (1.0.0)
    package26740 (1.0.0)
    package26741 (1.0.0)
    package26742 (1.0.0)
    package26743 (1.0.0)
    package26744 (1.0.0)
    package26745 (1.0.0)
    package26746 (1.0.0)
    package26747 (1.0.0)
    package26748 (1.0.0)
    package26749 (1.0.0)
    package26750 (1.0.0)
    package26751 (1.0.0)
    package26752 (1.0.0)
    package26753 (1.0.0)
    package26754 (1.0.0)
    package26755 (1.0.0)
    package26756 (1.0.0)
    package26757 (1.0.0)
    package26758 (1.0.0)
    package26759 (1.0.0)
    package26760 (1.0.0)
    package26761 (1.0.0)
    package26762 (1.0.0)
    package26763 (1.0.0)
    package26764 (1.0.0)
    package26765 (1.0.0)
    package26766 (1.0.0)
    package26767 (1.0.0)
    package26768 (1.0.0)
    package26769 (1.0.0)
    package26770 (1.0.0)
    package26771 (1.0.0)
    package26772 (1.0.0)
    package26773 (1.0.0)
    package26774 (1.0.0)
    package26775 (1.0.0)
    package26776 (1.0.0)
    package26777 (1.0.0)
    package26778 (1.0.0)
    package26779 (1.0.0)
    package26780 (1.0.0)
    package26781 (1.0.0)
    package26782 (1.0.0)
    package26783 (1.0.0)
    package26784 (1.0.0)
    package26785 (1.0.0)
    package26786 (1.0.0)
    package26787 (1.0.0)
    package26788 (1.0.0)
    package26789 (1.0.0)
    package26790 (1.0.0)
    package26791 (1.0.0)
    package26792 (1.0.0)
    package26793 (1.0.0)
    package26794 (1.0.0)
    package26795 (1.0.0)
    package26796 (1.0.0)
    package26797 (1.0.0)
    package26798 (1.0.0)
    package26799 (1.0.0)
    package26800 (1.0.0)
    package26801 (1.0.0)
    package26802 (1.0.0)
    package26803 (1.0.0)
    package26804 (1.0.0)
    package26805 (1.0.0)
    package26806 (1.0.0)
    package26807 (1.0.0)
    package26808 (1.0.0)
    package26809 (1.0.0)
    package26810 (1.0.0)
    package26811 (1.0.0)
    package26812 (1.0.0)
    package26813 (1.0.0)
    package26814 (1.0.0)
    package26815 (1.0.0)
    package26816 (1.0.0)
    package26817 (1.0.0)
    package26818 (1.0.0)
    package26819 (1.0.0)
    package26820 (1.0.0)
    package26821 (1.0.0)
    package26822 (1.0.0)
    package26823 (1.0.0)
    package26824 (1.0.0)
    package26825 (1.0.0)
    package26826 (1.0.0)
    package26827 (1.0.0)
    package26828 (1.0.0)
    package26829 (1.0.0)
    package26830 (1.0.0)
    package26831 (1.0.0)
    package26832 (1.0.0)
    package26833 (1.0.0)
    package26834 (1.0.0)
    package26835 (1.0.0)
    package26836 (1.0.0)
    package26837 (1.0.0)
    package26838 (1.0.0)
    package26839 (1.0.0)
    package26840 (1.0.0)
    package26841 (1.0.0)
    package26842 (1.0.0)
    package26843 (1.0.0)
    package26844 (1.0.0)
    package26845 (1.0.0)
    package26846 (1.0.0)
    package26847 (1.0.0)
    package26848 (1.0.0)
    package26849 (1.0.0)
    package26850 (1.0.0)
    package26851 (1.0.0)
    package26852 (1.0.0)
    package26853 (1.0.0)
    package26854 (1.0.0)
    package26855 (1.0.0)
    package26856 (1.0.0)
    package26857 (1.0.0)
    package26858 (1.0.0)
    package26859 (1.0.0)
    package26860 (1.0.0)
    package26861 (1.0.0)
    package26862 (1.0.0)
    package26863 (1.0.0)
    package26864 (1.0.0)
    package26865 (1.0.0)
    package26866 (1.0.0)
    package26867 (1.0.0)
    package26868 (1.0.0)
    package26869 (1.0.0)
    package26870 (1.0.0)
    package26871 (1.0.0)
    package26872 (1.0.0)
    package26873 (1.0.0)
    package26874 (1.0.0)
    package26875 (1.0.0)
    package26876 (1.0.0)
    package26877 (1.0.0)
    package26878 (1.0.0)
    package26879 (1.0.0)
    package26880 (1.0.0)
    package26881 (1.0.0)
    package26882 (1.0.0)
    package26883 (1.0.0)
    package26884 (1.0.0)
    package26885 (1.0.0)
    package26886 (1.0.0)
    package26887 (1.0.0)
    package26888 (1.0.0)
    package26889 (1.0.0)
    package26890 (1.0.0)
    package26891 (1.0.0)
    package26892 (1.0.0)
    package26893 (1.0.0)
    package26894 (1.0.0)
    package26895 (1.0.0)
    package26896 (1.0.0)
    package26897 (1.0.0)
    package26898 (1.0.0)
    package26899 (1.0.0)
    package26900 (1.0.0)
    package26901 (1.0.0)
    package26902 (1.0.0)
    package26903 (1.0.0)
    package26904 (1.0.0)
    package26905 (1.0.0)
    package26906 (1.0.0)
    package26907 (1.0.0)
    package26908 (1.0.0)
    package26909 (1.0.0)
    package26910 (1.0.0)
    package26911 (1.0.0)
    package26912 (1.0.0)
    package26913 (1.0.0)
    package26914 (1.0.0)
    package26915 (1.0.0)
    package26916 (1.0.0)
    package26917 (1.0.0)
    package26918 (1.0.0)
    package26919 (1.0.0)
    package26920 (1.0.0)
    package26921 (1.0.0)
    package26922 (1.0.0)
    package26923 (1.0.0)
    package26924 (1.0.0)
    package26925 (1.0.0)
    package26926 (1.0.0)
    package26927 (1.0.0)
    package26928 (1.0.0)
    package26929 (1.0.0)
    package26930 (1.0.0)
    package26931 (1.0.0)
    package26932 (1.0.0)
    package26933 (1.0.0)
    package26934 (1.0.0)
    package26935 (1.0.0)
    package26936 (1.0.0)
    package26937 (1.0.0)
    package26938 (1.0.0)
    package26939 (1.0.0)
    package26940 (1.0.0)
    package26941 (1.0.0)
    package26942 (1.0.0)
    package26943 (1.0.0)
    package26944 (1.0.0)
    package26945 (1.0.0)
    package26946 (1.0.0)
    package26947 (1.0.0)
    package26948 (1.0.0)
    package26949 (1.0.0)
    package26950 (1.0.0)
    package26951 (1.0.0)
    package26952 (1.0.0)
    package26953 (1.0.0)
    package26954 (1.0.0)
    package26955 (1.0.0)
    package26956 (1.0.0)
    package26957 (1.0.0)
    package26958 (1.0.0)
    package26959 (1.0.0)
    package26960 (1.0.0)
    package26961 (1.0.0)
    package26962 (1.0.0)
    package26963 (1.0.0)
    package26964 (1.0.0)
    package26965 (1.0.0)
    package26966 (1.0.0)
    package26967 (1.0.0)
    package26968 (1.0.0)
    package26969 (1.0.0)
    package26970 (1.0.0)
    package26971 (1.0.0)
    package26972 (1.0.0)
    package26973 (1.0.0)
    package26974 (1.0.0)
    package26975 (1.0.0)
    package26976 (1.0.0)
    package26977 (1.0.0)
    package26978 (1.0.0)
    package26979 (1.0.0)
    package26980 (1.0.0)
    package26981 (1.0.0)
    package26982 (1.0.0)
    package26983 (1.0.0)
    package26984 (1.0.0)
    package26985 (1.0.0)
    package26986 (1.0.0)
    package26987 (1.0.0)
    package26988 (1.0.0)
    package26989 (1.0.0)
    package26990 (1.0.0)
    package26991 (1.0.0)
    package26992 (1.0.0)
    package26993 (1.0.0)
    package26994 (1.0.0)
    package26995 (1.0.0)
    package26996 (1.0.0)
    package26997 (1.0.0)
    package26998 (1.0.0)
    package26999 (1.0.0)
    package27000 (1.0.0)
    package27001 (1.0.0)
    package27002 (1.0.0)
    package27003 (1.0.0)
    package27004 (1.0.0)
    package27005 (1.0.0)
    package27006 (1.0.0)
    package27007 (1.0.0)
    package27008 (1.0.0)
    package27009 (1.0.0)
    package27010 (1.0.0)
    package27011 (1.0.0)
    package27012 (1.0.0)
    package27013 (1.0.0)
    package27014 (1.0.0)
    package27015 (1.0.0)
    package27016 (1.0.0)
    package27017 (1.0.0)
    package27018 (1.0.0)
    package27019 (1.0.0)
    package27020 (1.0.0)
    package27021 (1.0.0)
    package27022 (1.0.0)
    package27023 (1.0.0)
    package27024 (1.0.0)
    package27025 (1.0.0)
    package27026 (1.0.0)
    package27027 (1.0.0)
    package27028 (1.0.0)
    package27029 (1.0.0)
    package27030 (1.0.0)
    package27031 (1.0.0)
    package27032 (1.0.0)
    package27033 (1.0.0)
    package27034 (1.0.0)
    package27035 (1.0.0)
    package27036 (1.0.0)
    package27037 (1.0.0)
    package27038 (1.0.0)
    package27039 (1.0.0)
    package27040 (1.0.0)
    package27041 (1.0.0)
    package27042 (1.0.0)
    package27043 (1.0.0)
    package27044 (1.0.0)
    package27045 (1.0.0)
    package27046 (1.0.0)
    package27047 (1.0.0)
    package27048 (1.0.0)
    package27049 (1.0.0)
    package27050 (1.0.0)
    package27051 (1.0.0)
    package27052 (1.0.0)
    package27053 (1.0.0)
    package27054 (1.0.0)
    package27055 (1.0.0)
    package27056 (1.0.0)
    package27057 (1.0.0)
    package27058 (1.0.0)
    package27059 (1.0.0)
    package27060 (1.0.0)
    package27061 (1.0.0)
    package27062 (1.0.0)
    package27063 (1.0.0)
    package27064 (1.0.0)
    package27065 (1.0.0)
    package27066 (1.0.0)
    package27067 (1.0.0)
    package27068 (1.0.0)
    package27069 (1.0.0)
    package27070 (1.0.0)
    package27071 (1.0.0)
    package27072 (1.0.0)
    package27073 (1.0.0)
    package27074 (1.0.0)
    package27075 (1.0.0)
    package27076 (1.0.0)
    package27077 (1.0.0)
    package27078 (1.0.0)
    package27079 (1.0.0)
    package27080 (1.0.0)
    package27081 (1.0.0)
    package27082 (1.0.0)
    package27083 (1.0.0)
    package27084 (1.0.0)
    package27085 (1.0.0)
    package27086 (1.0.0)
    package27087 (1.0.0)
    package27088 (1.0.0)
    package27089 (1.0.0)
    package27090 (1.0.0)
    package27091 (1.0.0)
    package27092 (1.0.0)
    package27093 (1.0.0)
    package27094 (1.0.0)
    package27095 (1.0.0)
    package27096 (1.0.0)
    package27097 (1.0.0)
    package27098 (1.0.0)
    package27099 (1.0.0)
    package27100 (1.0.0)
    package27101 (1.0.0)
    package27102 (1.0.0)
    package27103 (1.0.0)
    package27104 (1.0.0)
    package27105 (1.0.0)
    package27106 (1.0.0)
    package27107 (1.0.0)
    package27108 (1.0.0)
    package27109 (1.0.0)
    package27110 (1.0.0)
    package27111 (1.0.0)
    package27112 (1.0.0)
    package27113 (1.0.0)
    package27114 (1.0.0)
    package27115 (1.0.0)
    package27116 (1.0.0)
    package27117 (1.0.0)
    package27118 (1.0.0)
    package27119 (1.0.0)
    package27120 (1.0.0)
    package27121 (1.0.0)
    package27122 (1.0.0)
    package27123 (1.0.0)
    package27124 (1.0.0)
    package27125 (1.0.0)
    package27126 (1.0.0)
    package27127 (1.0.0)
    package27128 (1.0.0)
    package27129 (1.0.0)
    package27130 (1.0.0)
    package27131 (1.0.0)
    package27132 (1.0.0)
    package27133 (1.0.0)
    package27134 (1.0.0)
    package27135 (1.0.0)
    package27136 (1.0.0)
    package27137 (1.0.0)
    package27138 (1.0.0)
    package27139 (1.0.0)
    package27140 (1.0.0)
    package27141 (1.0.0)
    package27142 (1.0.0)
    package27143 (1.0.0)
    package27144 (1.0.0)
    package27145 (1.0.0)
    package27146 (1.0.0)
    package27147 (1.0.0)
    package27148 (1.0.0)
    package27149 (1.0.0)
    package27150 (1.0.0)
    package27151 (1.0.0)
    package27152 (1.0.0)
    package27153 (1.0.0)
    package27154 (1.0.0)
    package27155 (1.0.0)
    package27156 (1.0.0)
    package27157 (1.0.0)
    package27158 (1.0.0)
    package27159 (1.0.0)
    package27160 (1.0.0)
    package27161 (1.0.0)
    package27162 (1.0.0)
    package27163 (1.0.0)
    package27164 (1.0.0)
    package27165 (1.0.0)
    package27166 (1.0.0)
    package27167 (1.0.0)
    package27168 (1.0.0)
    package27169 (1.0.0)
    package27170 (1.0.0)
    package27171 (1.0.0)
    package27172 (1.0.0)
    package27173 (1.0.0)
    package27174 (1.0.0)
    package27175 (1.0.0)
    package27176 (1.0.0)
    package27177 (1.0.0)
    package27178 (1.0.0)
    package27179 (1.0.0)
    package27180 (1.0.0)
    package27181 (1.0.0)
    package27182 (1.0.0)
    package27183 (1.0.0)
    package27184 (1.0.0)
    package27185 (1.0.0)
    package27186 (1.0.0)
    package27187 (1.0.0)
    package27188 (1.0.0)
    package27189 (1.0.0)
    package27190 (1.0.0)
    package27191 (1.0.0)
    package27192 (1.0.0)
    package27193 (1.0.0)
    package27194 (1.0.0)
    package27195 (1.0.0)
    package27196 (1.0.0)
    package27197 (1.0.0)
    package27198 (1.0.0)
    package27199 (1.0.0)
    package27200 (1.0.0)
    package27201 (1.0.0)
    package27202 (1.0.0)
    package27203 (1.0.0)
    package27204 (1.0.0)
    package27205 (1.0.0)
    package27206 (1.0.0)
    package27207 (1.0.0)
    package27208 (1.0.0)
    package27209 (1.0.0)
    package27210 (1.0.0)
    package27211 (1.0.0)
    package27212 (1.0.0)
    package27213 (1.0.0)
    package27214 (1.0.0)
    package27215 (1.0.0)
    package27216 (1.0.0)
    package27217 (1.0.0)
    package27218 (1.0.0)
    package27219 (1.0.0)
    package27220 (1.0.0)
    package27221 (1.0.0)
    package27222 (1.0.0)
    package27223 (1.0.0)
    package27224 (1.0.0)
    package27225 (1.0.0)
    package27226 (1.0.0)
    package27227 (1.0.0)
    package27228 (1.0.0)
    package27229 (1.0.0)
    package27230 (1.0.0)
    package27231 (1.0.0)
    package27232 (1.0.0)
    package27233 (1.0.0)
    package27234 (1.0.0)
    package27235 (1.0.0)
    package27236 (1.0.0)
    package27237 (1.0.0)
    package27238 (1.0.0)
    package27239 (1.0.0)
    package27240 (1.0.0)
    package27241 (1.0.0)
    package27242 (1.0.0)
    package27243 (1.0.0)
    package27244 (1.0.0)
    package27245 (1.0.0)
    package27246 (1.0.0)
    package27247 (1.0.0)
    package27248 (1.0.0)
    package27249 (1.0.0)
    package27250 (1.0.0)
    package27251 (1.0.0)
    package27252 (1.0.0)
    package27253 (1.0.0)
    package27254 (1.0.0)
    package27255 (1.0.0)
    package27256 (1.0.0)
    package27257 (1.0.0)
    package27258 (1.0.0)
    package27259 (1.0.0)
    package27260 (1.0.0)
    package27261 (1.0.0)
    package27262 (1.0.0)
    package27263 (1.0.0)
    package27264 (1.0.0)
    package27265 (1.0.0)
    package27266 (1.0.0)
    package27267 (1.0.0)
    package27268 (1.0.0)
    package27269 (1.0.0)
    package27270 (1.0.0)
    package27271 (1.0.0)
    package27272 (1.0.0)
    package27273 (1.0.0)
    package27274 (1.0.0)
    package27275 (1.0.0)
    package27276 (1.0.0)
    package27277 (1.0.0)
    package27278 (1.0.0)
    package27279 (1.0.0)
    package27280 (1.0.0)
    package27281 (1.0.0)
    package27282 (1.0.0)
    package27283 (1.0.0)
    package27284 (1.0.0)
    package27285 (1.0.0)
    package27286 (1.0.0)
    package27287 (1.0.0)
    package27288 (1.0.0)
    package27289 (1.0.0)
    package27290 (1.0.0)
    package27291 (1.0.0)
    package27292 (1.0.0)
    package27293 (1.0.0)
    package27294 (1.0.0)
    package27295 (1.0.0)
    package27296 (1.0.0)
    package27297 (1.0.0)
    package27298 (1.0.0)
    package27299 (1.0.0)
    package27300 (1.0.0)
    package27301 (1.0.0)
    package27302 (1.0.0)
    package27303 (1.0.0)
    package27304 (1.0.0)
    package27305 (1.0.0)
    package27306 (1.0.0)
    package27307 (1.0.0)
    package27308 (1.0.0)
    package27309 (1.0.0)
    package27310 (1.0.0)
    package27311 (1.0.0)
    package27312 (1.0.0)
    package27313 (1.0.0)
    package27314 (1.0.0)
    package27315 (1.0.0)
    package27316 (1.0.0)
    package27317 (1.0.0)
    package27318 (1.0.0)
    package27319 (1.0.0)
    package27320 (1.0.0)
    package27321 (1.0.0)
    package27322 (1.0.0)
    package27323 (1.0.0)
    package27324 (1.0.0)
    package27325 (1.0.0)
    package27326 (1.0.0)
    package27327 (1.0.0)
    package27328 (1.0.0)
    package27329 (1.0.0)
    package27330 (1.0.0)
    package27331 (1.0.0)
    package27332 (1.0.0)
    package27333 (1.0.0)
    package27334 (1.0.0)
    package27335 (1.0.0)
    package27336 (1.0.0)
    package27337 (1.0.0)
    package27338 (1.0.0)
    package27339 (1.0.0)
    package27340 (1.0.0)
    package27341 (1.0.0)
    package27342 (1.0.0)
    package27343 (1.0.0)
    package27344 (1.0.0)
    package27345 (1.0.0)
    package27346 (1.0.0)
    package27347 (1.0.0)
    package27348 (1.0.0)
    package27349 (1.0.0)
    package27350 (1.0.0)
    package27351 (1.0.0)
    package27352 (1.0.0)
    package27353 (1.0.0)
    package27354 (1.0.0)
    package27355 (1.0.0)
    package27356 (1.0.0)
    package27357 (1.0.0)
    package27358 (1.0.0)
    package27359 (1.0.0)
    package27360 (1.0.0)
    package27361 (1.0.0)
    package27362 (1.0.0)
    package27363 (1.0.0)
    package27364 (1.0.0)
    package27365 (1.0.0)
    package27366 (1.0.0)
    package27367 (1.0.0)
    package27368 (1.0.0)
    package27369 (1.0.0)
    package27370 (1.0.0)
    package27371 (1.0.0)
    package27372 (1.0.0)
    package27373 (1.0.0)
    package27374 (1.0.0)
    package27375 (1.0.0)
    package27376 (1.0.0)
    package27377 (1.0.0)
    package27378 (1.0.0)
    package27379 (1.0.0)
    package27380 (1.0.0)
    package27381 (1.0.0)
    package27382 (1.0.0)
    package27383 (1.0.0)
    package27384 (1.0.0)
    package27385 (1.0.0)
    package27386 (1.0.0)
    package27387 (1.0.0)
    package27388 (1.0.0)
    package27389 (1.0.0)
    package27390 (1.0.0)
    package27391 (1.0.0)
    package27392 (1.0.0)
    package27393 (1.0.0)
    package27394 (1.0.0)
    package27395 (1.0.0)
    package27396 (1.0.0)
    package27397 (1.0.0)
    package27398 (1.0.0)
    package27399 (1.0.0)
    package27400 (1.0.0)
    package27401 (1.0.0)
    package27402 (1.0.0)
    package27403 (1.0.0)
    package27404 (1.0.0)
    package27405 (1.0.0)
    package27406 (1.0.0)
    package27407 (1.0.0)
    package27408 (1.0.0)
    package27409 (1.0.0)
    package27410 (1.0.0)
    package27411 (1.0.0)
    package27412 (1.0.0)
    package27413 (1.0.0)
    package27414 (1.0.0)
    package27415 (1.0.0)
    package27416 (1.0.0)
    package27417 (1.0.0)
    package27418 (1.0.0)
    package27419 (1.0.0)
    package27420 (1.0.0)
    package27421 (1.0.0)
    package27422 (1.0.0)
    package27423 (1.0.0)
    package27424 (1.0.0)
    package27425 (1.0.0)
    package27426 (1.0.0)
    package27427 (1.0.0)
    package27428 (1.0.0)
    package27429 (1.0.0)
    package27430 (1.0.0)
    package27431 (1.0.0)
    package27432 (1.0.0)
    package27433 (1.0.0)
    package27434 (1.0.0)
    package27435 (1.0.0)
    package27436 (1.0.0)
    package27437 (1.0.0)
    package27438 (1.0.0)
    package27439 (1.0.0)
    package27440 (1.0.0)
    package27441 (1.0.0)
    package27442 (1.0.0)
    package27443 (1.0.0)
    package27444 (1.0.0)
    package27445 (1.0.0)
    package27446 (1.0.0)
    package27447 (1.0.0)
    package27448 (1.0.0)
    package27449 (1.0.0)
    package27450 (1.0.0)
    package27451 (1.0.0)
    package27452 (1.0.0)
    package27453 (1.0.0)
    package27454 (1.0.0)
    package27455 (1.0.0)
    package27456 (1.0.0)
    package27457 (1.0.0)
    package27458 (1.0.0)
    package27459 (1.0.0)
    package27460 (1.0.0)
    package27461 (1.0.0)
    package27462 (1.0.0)
    package27463 (1.0.0)
    package27464 (1.0.0)
    package27465 (1.0.0)
    package27466 (1.0.0)
    package27467 (1.0.0)
    package27468 (1.0.0)
    package27469 (1.0.0)
    package27470 (1.0.0)
    package27471 (1.0.0)
    package27472 (1.0.0)
    package27473 (1.0.0)
    package27474 (1.0.0)
    package27475 (1.0.0)
    package27476 (1.0.0)
    package27477 (1.0.0)
    package27478 (1.0.0)
    package27479 (1.0.0)
    package27480 (1.0.0)
    package27481 (1.0.0)
    package27482 (1.0.0)
    package27483 (1.0.0)
    package27484 (1.0.0)
    package27485 (1.0.0)
    package27486 (1.0.0)
    package27487 (1.0.0)
    package27488 (1.0.0)
    package27489 (1.0.0)
    package27490 (1.0.0)
    package27491 (1.0.0)
    package27492 (1.0.0)
    package27493 (1.0.0)
    package27494 (1.0.0)
    package27495 (1.0.0)
    package27496 (1.0.0)
    package27497 (1.0.0)
    package27498 (1.0.0)
    package27499 (1.0.0)
    package27500 (1.0.0)
    package27501 (1.0.0)
    package27502 (1.0.0)
    package27503 (1.0.0)
    package27504 (1.0.0)
    package27505 (1.0.0)
    package27506 (1.0.0)
    package27507 (1.0.0)
    package27508 (1.0.0)
    package27509 (1.0.0)
    package27510 (1.0.0)
    package27511 (1.0.0)
    package27512 (1.0.0)
    package27513 (1.0.0)
    package27514 (1.0.0)
    package27515 (1.0.0)
    package27516 (1.0.0)
    package27517 (1.0.0)
    package27518 (1.0.0)
    package27519 (1.0.0)
    package27520 (1.0.0)
    package27521 (1.0.0)
    package27522 (1.0.0)
    package27523 (1.0.0)
    package27524 (1.0.0)
    package27525 (1.0.0)
    package27526 (1.0.0)
    package27527 (1.0.0)
    package27528 (1.0.0)
    package27529 (1.0.0)
    package27530 (1.0.0)
    package27531 (1.0.0)
    package27532 (1.0.0)
    package27533 (1.0.0)
    package27534 (1.0.0)
    package27535 (1.0.0)
    package27536 (1.0.0)
    package27537 (1.0.0)
    package27538 (1.0.0)
    package27539 (1.0.0)
    package27540 (1.0.0)
    package27541 (1.0.0)
    package27542 (1.0.0)
    package27543 (1.0.0)
    package27544 (1.0.0)
    package27545 (1.0.0)
    package27546 (1.0.0)
    package27547 (1.0.0)
    package27548 (1.0.0)
    package27549 (1.0.0)
    package27550 (1.0.0)
    package27551 (1.0.0)
    package27552 (1.0.0)
    package27553 (1.0.0)
    package27554 (1.0.0)
    package27555 (1.0.0)
    package27556 (1.0.0)
    package27557 (1.0.0)
    package27558 (1.0.0)
    package27559 (1.0.0)
    package27560 (1.0.0)
    package27561 (1.0.0)
    package27562 (1.0.0)
    package27563 (1.0.0)
    package27564 (1.0.0)
    package27565 (1.0.0)
    package27566 (1.0.0)
    package27567 (1.0.0)
    package27568 (1.0.0)
    package27569 (1.0.0)
    package27570 (1.0.0)
    package27571 (1.0.0)
    package27572 (1.0.0)
    package27573 (1.0.0)
    package27574 (1.0.0)
    package27575 (1.0.0)
    package27576 (1.0.0)
    package27577 (1.0.0)
    package27578 (1.0.0)
    package27579 (1.0.0)
    package27580 (1.0.0)
    package27581 (1.0.0)
    package27582 (1.0.0)
    package27583 (1.0.0)
    package27584 (1.0.0)
    package27585 (1.0.0)
    package27586 (1.0.0)
    package27587 (1.0.0)
    package27588 (1.0.0)
    package27589 (1.0.0)
    package27590 (1.0.0)
    package27591 (1.0.0)
    package27592 (1.0.0)
    package27593 (1.0.0)
    package27594 (1.0.0)
    package27595 (1.0.0)
    package27596 (1.0.0)
    package27597 (1.0.0)
    package27598 (1.0.0)
    package27599 (1.0.0)
    package27600 (1.0.0)
    package27601 (1.0.0)
    package27602 (1.0.0)
    package27603 (1.0.0)
    package27604 (1.0.0)
    package27605 (1.0.0)
    package27606 (1.0.0)
    package27607 (1.0.0)
    package27608 (1.0.0)
    package27609 (1.0.0)
    package27610 (1.0.0)
    package27611 (1.0.0)
    package27612 (1.0.0)
    package27613 (1.0.0)
    package27614 (1.0.0)
    package27615 (1.0.0)
    package27616 (1.0.0)
    package27617 (1.0.0)
    package27618 (1.0.0)
    package27619 (1.0.0)
    package27620 (1.0.0)
    package27621 (1.0.0)
    package27622 (1.0.0)
    package27623 (1.0.0)
    package27624 (1.0.0)
    package27625 (1.0.0)
    package27626 (1.0.0)
    package27627 (1.0.0)
    package27628 (1.0.0)
    package27629 (1.0.0)
    package27630 (1.0.0)
    package27631 (1.0.0)
    package27632 (1.0.0)
    package27633 (1.0.0)
    package27634 (1.0.0)
    package27635 (1.0.0)
    package27636 (1.0.0)
    package27637 (1.0.0)
    package27638 (1.0.0)
    package27639 (1.0.0)
    package27640 (1.0.0)
    package27641 (1.0.0)
    package27642 (1.0.0)
    package27643 (1.0.0)
    package27644 (1.0.0)
    package27645 (1.0.0)
    package27646 (1.0.0)
    package27647 (1.0.0)
    package27648 (1.0.0)
    package27649 (1.0.0)
    package27650 (1.0.0)
    package27651 (1.0.0)
    package27652 (1.0.0)
    package27653 (1.0.0)
    package27654 (1.0.0)
    package27655 (1.0.0)
    package27656 (1.0.0)
    package27657 (1.0.0)
    package27658 (1.0.0)
    package27659 (1.0.0)
    package27660 (1.0.0)
    package27661 (1.0.0)
    package27662 (1.0.0)
    package27663 (1.0.0)
    package27664 (1.0.0)
    package27665 (1.0.0)
    package27666 (1.0.0)
    package27667 (1.0.0)
    package27668 (1.0.0)
    package27669 (1.0.0)
    package27670 (1.0.0)
    package27671 (1.0.0)
    package27672 (1.0.0)
    package27673 (1.0.0)
    package27674 (1.0.0)
    package27675 (1.0.0)
    package27676 (1.0.0)
    package27677 (1.0.0)
    package27678 (1.0.0)
    package27679 (1.0.0)
    package27680 (1.0.0)
    package27681 (1.0.0)
    package27682 (1.0.0)
    package27683 (1.0.0)
    package27684 (1.0.0)
    package27685 (1.0.0)
    package27686 (1.0.0)
    package27687 (1.0.0)
    package27688 (1.0.0)
    package27689 (1.0.0)
    package27690 (1.0.0)
    package27691 (1.0.0)
    package27692 (1.0.0)
    package27693 (1.0.0)
    package27694 (1.0.0)
    package27695 (1.0.0)
    package27696 (1.0.0)
    package27697 (1.0.0)
    package27698 (1.0.0)
    package27699 (1.0.0)
    package27700 (1.0.0)
    package27701 (1.0.0)
    package27702 (1.0.0)
    package27703 (1.0.0)
    package27704 (1.0.0)
    package27705 (1.0.0)
    package27706 (1.0.0)
    package27707 (1.0.0)
    package27708 (1.0.0)
    package27709 (1.0.0)
    package27710 (1.0.0)
    package27711 (1.0.0)
    package27712 (1.0.0)
    package27713 (1.0.0)
    package27714 (1.0.0)
    package27715 (1.0.0)
    package27716 (1.0.0)
    package27717 (1.0.0)
    package27718 (1.0.0)
    package27719 (1.0.0)
    package27720 (1.0.0)
    package27721 (1.0.0)
    package27722 (1.0.0)
    package27723 (1.0.0)
    package27724 (1.0.0)
    package27725 (1.0.0)
    package27726 (1.0.0)
    package27727 (1.0.0)
    package27728 (1.0.0)
    package27729 (1.0.0)
    package27730 (1.0.0)
    package27731 (1.0.0)
    package27732 (1.0.0)
    package27733 (1.0.0)
    package27734 (1.0.0)
    package27735 (1.0.0)
    package27736 (1.0.0)
    package27737 (1.0.0)
    package27738 (1.0.0)
    package27739 (1.0.0)
    package27740 (1.0.0)
    package27741 (1.0.0)
    package27742 (1.0.0)
    package27743 (1.0.0)
    package27744 (1.0.0)
    package27745 (1.0.0)
    package27746 (1.0.0)
    package27747 (1.0.0)
    package27748 (1.0.0)
    package27749 (1.0.0)
    package27750 (1.0.0)
    package27751 (1.0.0)
    package27752 (1.0.0)
    package27753 (1.0.0)
    package27754 (1.0.0)
    package27755 (1.0.0)
    package27756 (1.0.0)
    package27757 (1.0.0)
    package27758 (1.0.0)
    package27759 (1.0.0)
    package27760 (1.0.0)
    package27761 (1.0.0)
    package27762 (1.0.0)
    package27763 (1.0.0)
    package27764 (1.0.0)
    package27765 (1.0.0)
    package27766 (1.0.0)
    package27767 (1.0.0)
    package27768 (1.0.0)
    package27769 (1.0.0)
    package27770 (1.0.0)
    package27771 (1.0.0)
    package27772 (1.0.0)
    package27773 (1.0.0)
    package27774 (1.0.0)
    package27775 (1.0.0)
    package27776 (1.0.0)
    package27777 (1.0.0)
    package27778 (1.0.0)
    package27779 (1.0.0)
    package27780 (1.0.0)
    package27781 (1.0.0)
    package27782 (1.0.0)
    package27783 (1.0.0)
    package27784 (1.0.0)
    package27785 (1.0.0)
    package27786 (1.0.0)
    package27787 (1.0.0)
    package27788 (1.0.0)
    package27789 (1.0.0)
    package27790 (1.0.0)
    package27791 (1.0.0)
    package27792 (1.0.0)
    package27793 (1.0.0)
    package27794 (1.0.0)
    package27795 (1.0.0)
    package27796 (1.0.0)
    package27797 (1.0.0)
    package27798 (1.0.0)
    package27799 (1.0.0)
    package27800 (1.0.0)
    package27801 (1.0.0)
    package27802 (1.0.0)
    package27803 (1.0.0)
    package27804 (1.0.0)
    package27805 (1.0.0)
    package27806 (1.0.0)
    package27807 (1.0.0)
    package27808 (1.0.0)
    package27809 (1.0.0)
    package27810 (1.0.0)
    package27811 (1.0.0)
    package27812 (1.0.0)
    package27813 (1.0.0)
    package27814 (1.0.0)
    package27815 (1.0.0)
    package27816 (1.0.0)
    package27817 (1.0.0)
    package27818 (1.0.0)
    package27819 (1.0.0)
    package27820 (1.0.0)
    package27821 (1.0.0)
    package27822 (1.0.0)
    package27823 (1.0.0)
    package27824 (1.0.0)
    package27825 (1.0.0)
    package27826 (1.0.0)
    package27827 (1.0.0)
    package27828 (1.0.0)
    package27829 (1.0.0)
    package27830 (1.0.0)
    package27831 (1.0.0)
    package27832 (1.0.0)
    package27833 (1.0.0)
    package27834 (1.0.0)
    package27835 (1.0.0)
    package27836 (1.0.0)
    package27837 (1.0.0)
    package27838 (1.0.0)
    package27839 (1.0.0)
    package27840 (1.0.0)
    package27841 (1.0.0)
    package27842 (1.0.0)
    package27843 (1.0.0)
    package27844 (1.0.0)
    package27845 (1.0.0)
    package27846 (1.0.0)
    package27847 (1.0.0)
    package27848 (1.0.0)
    package27849 (1.0.0)
    package27850 (1.0.0)
    package27851 (1.0.0)
    package27852 (1.0.0)
    package27853 (1.0.0)
    package27854 (1.0.0)
    package27855 (1.0.0)
    package27856 (1.0.0)
    package27857 (1.0.0)
    package27858 (1.0.0)
    package27859 (1.0.0)
    package27860 (1.0.0)
    package27861 (1.0.0)
    package27862 (1.0.0)
    package27863 (1.0.0)
    package27864 (1.0.0)
    package27865 (1.0.0)
    package27866 (1.0.0)
    package27867 (1.0.0)
    package27868 (1.0.0)
    package27869 (1.0.0)
    package27870 (1.0.0)
    package27871 (1.0.0)
    package27872 (1.0.0)
    package27873 (1.0.0)
    package27874 (1.0.0)
    package27875 (1.0.0)
    package27876 (1.0.0)
    package27877 (1.0.0)
    package27878 (1.0.0)
    package27879 (1.0.0)
    package27880 (1.0.0)
    package27881 (1.0.0)
    package27882 (1.0.0)
    package27883 (1.0.0)
    package27884 (1.0.0)
    package27885 (1.0.0)
    package27886 (1.0.0)
    package27887 (1.0.0)
    package27888 (1.0.0)
    package27889 (1.0.0)
    package27890 (1.0.0)
    package27891 (1.0.0)
    package27892 (1.0.0)
    package27893 (1.0.0)
    package27894 (1.0.0)
    package27895 (1.0.0)
    package27896 (1.0.0)
    package27897 (1.0.0)
    package27898 (1.0.0)
    package27899 (1.0.0)
    package27900 (1.0.0)
    package27901 (1.0.0)
    package27902 (1.0.0)
    package27903 (1.0.0)
    package27904 (1.0.0)
    package27905 (1.0.0)
    package27906 (1.0.0)
    package27907 (1.0.0)
    package27908 (1.0.0)
    package27909 (1.0.0)
    package27910 (1.0.0)
    package27911 (1.0.0)
    package27912 (1.0.0)
    package27913 (1.0.0)
    package27914 (1.0.0)
    package27915 (1.0.0)
    package27916 (1.0.0)
    package27917 (1.0.0)
    package27918 (1.0.0)
    package27919 (1.0.0)
    package27920 (1.0.0)
    package27921 (1.0.0)
    package27922 (1.0.0)
    package27923 (1.0.0)
    package27924 (1.0.0)
    package27925 (1.0.0)
    package27926 (1.0.0)
    package27927 (1.0.0)
    package27928 (1.0.0)
    package27929 (1.0.0)
    package27930 (1.0.0)
    package27931 (1.0.0)
    package27932 (1.0.0)
    package27933 (1.0.0)
    package27934 (1.0.0)
    package27935 (1.0.0)
    package27936 (1.0.0)
    package27937 (1.0.0)
    package27938 (1.0.0)
    package27939 (1.0.0)
    package27940 (1.0.0)
    package27941 (1.0.0)
    package27942 (1.0.0)
    package27943 (1.0.0)
    package27944 (1.0.0)
    package27945 (1.0.0)
    package27946 (1.0.0)
    package27947 (1.0.0)
    package27948 (1.0.0)
    package27949 (1.0.0)
    package27950 (1.0.0)
    package27951 (1.0.0)
    package27952 (1.0.0)
    package27953 (1.0.0)
    package27954 (1.0.0)
    package27955 (1.0.0)
    package27956 (1.0.0)
    package27957 (1.0.0)
    package27958 (1.0.0)
    package27959 (1.0.0)
    package27960 (1.0.0)
    package27961 (1.0.0)
    package27962 (1.0.0)
    package27963 (1.0.0)
    package27964 (1.0.0)
    package27965 (1.0.0)
    package27966 (1.0.0)
    package27967 (1.0.0)
    package27968 (1.0.0)
    package27969 (1.0.0)
    package27970 (1.0.0)
    package27971 (1.0.0)
    package27972 (1.0.0)
    package27973 (1.0.0)
    package27974 (1.0.0)
    package27975 (1.0.0)
    package27976 (1.0.0)
    package27977 (1.0.0)
    package27978 (1.0.0)
    package27979 (1.0.0)
    package27980 (1.0.0)
    package27981 (1.0.0)
    package27982 (1.0.0)
    package27983 (1.0.0)
    package27984 (1.0.0)
    package27985 (1.0.0)
    package27986 (1.0.0)
    package27987 (1.0.0)
    package27988 (1.0.0)
    package27989 (1.0.0)
    package27990 (1.0.0)
    package27991 (1.0.0)
    package27992 (1.0.0)
    package27993 (1.0.0)
    package27994 (1.0.0)
    package27995 (1.0.0)
    package27996 (1.0.0)
    package27997 (1.0.0)
    package27998 (1.0.0)
    package27999 (1.0.0)
    package28000 (1.0.0)
    package28001 (1.0.0)
    package28002 (1.0.0)
    package28003 (1.0.0)
    package28004 (1.0.0)
    package28005 (1.0.0)
    package28006 (1.0.0)
    package28007 (1.0.0)
    package28008 (1.0.0)
    package28009 (1.0.0)
    package28010 (1.0.0)
    package28011 (1.0.0)
    package28012 (1.0.0)
    package28013 (1.0.0)
    package28014 (1.0.0)
    package28015 (1.0.0)
    package28016 (1.0.0)
    package28017 (1.0.0)
    package28018 (1.0.0)
    package28019 (1.0.0)
    package28020 (1.0.0)
    package28021 (1.0.0)
    package28022 (1.0.0)
    package28023 (1.0.0)
    package28024 (1.0.0)
    package28025 (1.0.0)
    package28026 (1.0.0)
    package28027 (1.0.0)
    package28028 (1.0.0)
    package28029 (1.0.0)
    package28030 (1.0.0)
    package28031 (1.0.0)
    package28032 (1.0.0)
    package28033 (1.0.0)
    package28034 (1.0.0)
    package28035 (1.0.0)
    package28036 (1.0.0)
    package28037 (1.0.0)
    package28038 (1.0.0)
    package28039 (1.0.0)
    package28040 (1.0.0)
    package28041 (1.0.0)
    package28042 (1.0.0)
    package28043 (1.0.0)
    package28044 (1.0.0)
    package28045 (1.0.0)
    package28046 (1.0.0)
    package28047 (1.0.0)
    package28048 (1.0.0)
    package28049 (1.0.0)
    package28050 (1.0.0)
    package28051 (1.0.0)
    package28052 (1.0.0)
    package28053 (1.0.0)
    package28054 (1.0.0)
    package28055 (1.0.0)
    package28056 (1.0.0)
    package28057 (1.0.0)
    package28058 (1.0.0)
    package28059 (1.0.0)
    package28060 (1.0.0)
    package28061 (1.0.0)
    package28062 (1.0.0)
    package28063 (1.0.0)
    package28064 (1.0.0)
    package28065 (1.0.0)
    package28066 (1.0.0)
    package28067 (1.0.0)
    package28068 (1.0.0)
    package28069 (1.0.0)
    package28070 (1.0.0)
    package28071 (1.0.0)
    package28072 (1.0.0)
    package28073 (1.0.0)
    package28074 (1.0.0)
    package28075 (1.0.0)
    package28076 (1.0.0)
    package28077 (1.0.0)
    package28078 (1.0.0)
    package28079 (1.0.0)
    package28080 (1.0.0)
    package28081 (1.0.0)
    package28082 (1.0.0)
    package28083 (1.0.0)
    package28084 (1.0.0)
    package28085 (1.0.0)
    package28086 (1.0.0)
    package28087 (1.0.0)
    package28088 (1.0.0)
    package28089 (1.0.0)
    package28090 (1.0.0)
    package28091 (1.0.0)
    package28092 (1.0.0)
    package28093 (1.0.0)
    package28094 (1.0.0)
    package28095 (1.0.0)
    package28096 (1.0.0)
    package28097 (1.0.0)
    package28098 (1.0.0)
    package28099 (1.0.0)
    package28100 (1.0.0)
    package28101 (1.0.0)
    package28102 (1.0.0)
    package28103 (1.0.0)
    package28104 (1.0.0)
    package28105 (1.0.0)
    package28106 (1.0.0)
    package28107 (1.0.0)
    package28108 (1.0.0)
    package28109 (1.0.0)
    package28110 (1.0.0)
    package28111 (1.0.0)
    package28112 (1.0.0)
    package28113 (1.0.0)
    package28114 (1.0.0)
    package28115 (1.0.0)
    package28116 (1.0.0)
    package28117 (1.0.0)
    package28118 (1.0.0)
    package28119 (1.0.0)
    package28120 (1.0.0)
    package28121 (1.0.0)
    package28122 (1.0.0)
    package28123 (1.0.0)
    package28124 (1.0.0)
    package28125 (1.0.0)
    package28126 (1.0.0)
    package28127 (1.0.0)
    package28128 (1.0.0)
    package28129 (1.0.0)
    package28130 (1.0.0)
    package28131 (1.0.0)
    package28132 (1.0.0)
    package28133 (1.0.0)
    package28134 (1.0.0)
    package28135 (1.0.0)
    package28136 (1.0.0)
    package28137 (1.0.0)
    package28138 (1.0.0)
    package28139 (1.0.0)
    package28140 (1.0.0)
    package28141 (1.0.0)
    package28142 (1.0.0)
    package28143 (1.0.0)
    package28144 (1.0.0)
    package28145 (1.0.0)
    package28146 (1.0.0)
    package28147 (1.0.0)
    package28148 (1.0.0)
    package28149 (1.0.0)
    package28150 (1.0.0)
    package28151 (1.0.0)
    package28152 (1.0.0)
    package28153 (1.0.0)
    package28154 (1.0.0)
    package28155 (1.0.0)
    package28156 (1.0.0)
    package28157 (1.0.0)
    package28158 (1.0.0)
    package28159 (1.0.0)
    package28160 (1.0.0)
    package28161 (1.0.0)
    package28162 (1.0.0)
    package28163 (1.0.0)
    package28164 (1.0.0)
    package28165 (1.0.0)
    package28166 (1.0.0)
    package28167 (1.0.0)
    package28168 (1.0.0)
    package28169 (1.0.0)
    package28170 (1.0.0)
    package28171 (1.0.0)
    package28172 (1.0.0)
    package28173 (1.0.0)
    package28174 (1.0.0)
    package28175 (1.0.0)
    package28176 (1.0.0)
    package28177 (1.0.0)
    package28178 (1.0.0)
    package28179 (1.0.0)
    package28180 (1.0.0)
    package28181 (1.0.0)
    package28182 (1.0.0)
    package28183 (1.0.0)
    package28184 (1.0.0)
    package28185 (1.0.0)
    package28186 (1.0.0)
    package28187 (1.0.0)
    package28188 (1.0.0)
    package28189 (1.0.0)
    package28190 (1.0.0)
    package28191 (1.0.0)
    package28192 (1.0.0)
    package28193 (1.0.0)
    package28194 (1.0.0)
    package28195 (1.0.0)
    package28196 (1.0.0)
    package28197 (1.0.0)
    package28198 (1.0.0)
    package28199 (1.0.0)
    package28200 (1.0.0)
    package28201 (1.0.0)
    package28202 (1.0.0)
    package28203 (1.0.0)
    package28204 (1.0.0)
    package28205 (1.0.0)
    package28206 (1.0.0)
    package28207 (1.0.0)
    package28208 (1.0.0)
    package28209 (1.0.0)
    package28210 (1.0.0)
    package28211 (1.0.0)
    package28212 (1.0.0)
    package28213 (1.0.0)
    package28214 (1.0.0)
    package28215 (1.0.0)
    package28216 (1.0.0)
    package28217 (1.0.0)
    package28218 (1.0.0)
    package28219 (1.0.0)
    package28220 (1.0.0)
    package28221 (1.0.0)
    package28222 (1.0.0)
    package28223 (1.0.0)
    package28224 (1.0.0)
    package28225 (1.0.0)
    package28226 (1.0.0)
    package28227 (1.0.0)
    package28228 (1.0.0)
    package28229 (1.0.0)
    package28230 (1.0.0)
    package28231 (1.0.0)
    package28232 (1.0.0)
    package28233 (1.0.0)
    package28234 (1.0.0)
    package28235 (1.0.0)
    package28236 (1.0.0)
    package28237 (1.0.0)
    package28238 (1.0.0)
    package28239 (1.0.0)
    package28240 (1.0.0)
    package28241 (1.0.0)
    package28242 (1.0.0)
    package28243 (1.0.0)
    package28244 (1.0.0)
    package28245 (1.0.0)
    package28246 (1.0.0)
    package28247 (1.0.0)
    package28248 (1.0.0)
    package28249 (1.0.0)
    package28250 (1.0.0)
    package28251 (1.0.0)
    package28252 (1.0.0)
    package28253 (1.0.0)
    package28254 (1.0.0)
    package28255 (1.0.0)
    package28256 (1.0.0)
    package28257 (1.0.0)
    package28258 (1.0.0)
    package28259 (1.0.0)
    package28260 (1.0.0)
    package28261 (1.0.0)
    package28262 (1.0.0)
    package28263 (1.0.0)
    package28264 (1.0.0)
    package28265 (1.0.0)
    package28266 (1.0.0)
    package28267 (1.0.0)
    package28268 (1.0.0)
    package28269 (1.0.0)
    package28270 (1.0.0)
    package28271 (1.0.0)
    package28272 (1.0.0)
    package28273 (1.0.0)
    package28274 (1.0.0)
    package28275 (1.0.0)
    package28276 (1.0.0)
    package28277 (1.0.0)
    package28278 (1.0.0)
    package28279 (1.0.0)
    package28280 (1.0.0)
    package28281 (1.0.0)
    package28282 (1.0.0)
    package28283 (1.0.0)
    package28284 (1.0.0)
    package28285 (1.0.0)
    package28286 (1.0.0)
    package28287 (1.0.0)
    package28288 (1.0.0)
    package28289 (1.0.0)
    package28290 (1.0.0)
    package28291 (1.0.0)
    package28292 (1.0.0)
    package28293 (1.0.0)
    package28294 (1.0.0)
    package28295 (1.0.0)
    package28296 (1.0.0)
    package28297 (1.0.0)
    package28298 (1.0.0)
    package28299 (1.0.0)
    package28300 (1.0.0)
    package28301 (1.0.0)
    package28302 (1.0.0)
    package28303 (1.0.0)
    package28304 (1.0.0)
    package28305 (1.0.0)
    package28306 (1.0.0)
    package28307 (1.0.0)
    package28308 (1.0.0)
    package28309 (1.0.0)
    package28310 (1.0.0)
    package28311 (1.0.0)
    package28312 (1.0.0)
    package28313 (1.0.0)
    package28314 (1.0.0)
    package28315 (1.0.0)
    package28316 (1.0.0)
    package28317 (1.0.0)
    package28318 (1.0.0)
    package28319 (1.0.0)
    package28320 (1.0.0)
    package28321 (1.0.0)
    package28322 (1.0.0)
    package28323 (1.0.0)
    package28324 (1.0.0)
    package28325 (1.0.0)
    package28326 (1.0.0)
    package28327 (1.0.0)
    package28328 (1.0.0)
    package28329 (1.0.0)
    package28330 (1.0.0)
    package28331 (1.0.0)
    package28332 (1.0.0)
    package28333 (1.0.0)
    package28334 (1.0.0)
    package28335 (1.0.0)
    package28336 (1.0.0)
    package28337 (1.0.0)
    package28338 (1.0.0)
    package28339 (1.0.0)
    package28340 (1.0.0)
    package28341 (1.0.0)
    package28342 (1.0.0)
    package28343 (1.0.0)
    package28344 (1.0.0)
    package28345 (1.0.0)
    package28346 (1.0.0)
    package28347 (1.0.0)
    package28348 (1.0.0)
    package28349 (1.0.0)
    package28350 (1.0.0)
    package28351 (1.0.0)
    package28352 (1.0.0)
    package28353 (1.0.0)
    package28354 (1.0.0)
    package28355 (1.0.0)
    package28356 (1.0.0)
    package28357 (1.0.0)
    package28358 (1.0.0)
    package28359 (1.0.0)
    package28360 (1.0.0)
    package28361 (1.0.0)
    package28362 (1.0.0)
    package28363 (1.0.0)
    package28364 (1.0.0)
    package28365 (1.0.0)
    package28366 (1.0.0)
    package28367 (1.0.0)
    package28368 (1.0.0)
    package28369 (1.0.0)
    package28370 (1.0.0)
    package28371 (1.0.0)
    package28372 (1.0.0)
    package28373 (1.0.0)
    package28374 (1.0.0)
    package28375 (1.0.0)
    package28376 (1.0.0)
    package28377 (1.0.0)
    package28378 (1.0.0)
    package28379 (1.0.0)
    package28380 (1.0.0)
    package28381 (1.0.0)
    package28382 (1.0.0)
    package28383 (1.0.0)
    package28384 (1.0.0)
    package28385 (1.0.0)
    package28386 (1.0.0)
    package28387 (1.0.0)
    package28388 (1.0.0)
    package28389 (1.0.0)
    package28390 (1.0.0)
    package28391 (1.0.0)
    package28392 (1.0.0)
    package28393 (1.0.0)
    package28394 (1.0.0)
    package28395 (1.0.0)
    package28396 (1.0.0)
    package28397 (1.0.0)
    package28398 (1.0.0)
    package28399 (1.0.0)
    package28400 (1.0.0)
    package28401 (1.0.0)
    package28402 (1.0.0)
    package28403 (1.0.0)
    package28404 (1.0.0)
    package28405 (1.0.0)
    package28406 (1.0.0)
    package28407 (1.0.0)
    package28408 (1.0.0)
    package28409 (1.0.0)
    package28410 (1.0.0)
    package28411 (1.0.0)
    package28412 (1.0.0)
    package28413 (1.0.0)
    package28414 (1.0.0)
    package28415 (1.0.0)
    package28416 (1.0.0)
    package28417 (1.0.0)
    package28418 (1.0.0)
    package28419 (1.0.0)
    package28420 (1.0.0)
    package28421 (1.0.0)
    package28422 (1.0.0)
    package28423 (1.0.0)
    package28424 (1.0.0)
    package28425 (1.0.0)
    package28426 (1.0.0)
    package28427 (1.0.0)
    package28428 (1.0.0)
    package28429 (1.0.0)
    package28430 (1.0.0)
    package28431 (1.0.0)
    package28432 (1.0.0)
    package28433 (1.0.0)
    package28434 (1.0.0)
    package28435 (1.0.0)
    package28436 (1.0.0)
    package28437 (1.0.0)
    package28438 (1.0.0)
    package28439 (1.0.0)
    package28440 (1.0.0)
    package28441 (1.0.0)
    package28442 (1.0.0)
    package28443 (1.0.0)
    package28444 (1.0.0)
    package28445 (1.0.0)
    package28446 (1.0.0)
    package28447 (1.0.0)
    package28448 (1.0.0)
    package28449 (1.0.0)
    package28450 (1.0.0)
    package28451 (1.0.0)
    package28452 (1.0.0)
    package28453 (1.0.0)
    package28454 (1.0.0)
    package28455 (1.0.0)
    package28456 (1.0.0)
    package28457 (1.0.0)
    package28458 (1.0.0)
    package28459 (1.0.0)
    package28460 (1.0.0)
    package28461 (1.0.0)
    package28462 (1.0.0)
    package28463 (1.0.0)
    package28464 (1.0.0)
    package28465 (1.0.0)
    package28466 (1.0.0)
    package28467 (1.0.0)
    package28468 (1.0.0)
    package28469 (1.0.0)
    package28470 (1.0.0)
    package28471 (1.0.0)
    package28472 (1.0.0)
    package28473 (1.0.0)
    package28474 (1.0.0)
    package28475 (1.0.0)
    package28476 (1.0.0)
    package28477 (1.0.0)
    package28478 (1.0.0)
    package28479 (1.0.0)
    package28480 (1.0.0)
    package28481 (1.0.0)
    package28482 (1.0.0)
    package28483 (1.0.0)
    package28484 (1.0.0)
    package28485 (1.0.0)
    package28486 (1.0.0)
    package28487 (1.0.0)
    package28488 (1.0.0)
    package28489 (1.0.0)
    package28490 (1.0.0)
    package28491 (1.0.0)
    package28492 (1.0.0)
    package28493 (1.0.0)
    package28494 (1.0.0)
    package28495 (1.0.0)
    package28496 (1.0.0)
    package28497 (1.0.0)
    package28498 (1.0.0)
    package28499 (1.0.0)
    package28500 (1.0.0)
    package28501 (1.0.0)
    package28502 (1.0.0)
    package28503 (1.0.0)
    package28504 (1.0.0)
    package28505 (1.0.0)
    package28506 (1.0.0)
    package28507 (1.0.0)
    package28508 (1.0.0)
    package28509 (1.0.0)
    package28510 (1.0.0)
    package28511 (1.0.0)
    package28512 (1.0.0)
    package28513 (1.0.0)
    package28514 (1.0.0)
    package28515 (1.0.0)
    package28516 (1.0.0)
    package28517 (1.0.0)
    package28518 (1.0.0)
    package28519 (1.0.0)
    package28520 (1.0.0)
    package28521 (1.0.0)
    package28522 (1.0.0)
    package28523 (1.0.0)
    package28524 (1.0.0)
    package28525 (1.0.0)
    package28526 (1.0.0)
    package28527 (1.0.0)
    package28528 (1.0.0)
    package28529 (1.0.0)
    package28530 (1.0.0)
    package28531 (1.0.0)
    package28532 (1.0.0)
    package28533 (1.0.0)
    package28534 (1.0.0)
    package28535 (1.0.0)
    package28536 (1.0.0)
    package28537 (1.0.0)
    package28538 (1.0.0)
    package28539 (1.0.0)
    package28540 (1.0.0)
    package28541 (1.0.0)
    package28542 (1.0.0)
    package28543 (1.0.0)
    package28544 (1.0.0)
    package28545 (1.0.0)
    package28546 (1.0.0)
    package28547 (1.0.0)
    package28548 (1.0.0)
    package28549 (1.0.0)
    package28550 (1.0.0)
    package28551 (1.0.0)
    package28552 (1.0.0)
    package28553 (1.0.0)
    package28554 (1.0.0)
    package28555 (1.0.0)
    package28556 (1.0.0)
    package28557 (1.0.0)
    package28558 (1.0.0)
    package28559 (1.0.0)
    package28560 (1.0.0)
    package28561 (1.0.0)
    package28562 (1.0.0)
    package28563 (1.0.0)
    package28564 (1.0.0)
    package28565 (1.0.0)
    package28566 (1.0.0)
    package28567 (1.0.0)
    package28568 (1.0.0)
    package28569 (1.0.0)
    package28570 (1.0.0)
    package28571 (1.0.0)
    package28572 (1.0.0)
    package28573 (1.0.0)
    package28574 (1.0.0)
    package28575 (1.0.0)
    package28576 (1.0.0)
    package28577 (1.0.0)
    package28578 (1.0.0)
    package28579 (1.0.0)
    package28580 (1.0.0)
    package28581 (1.0.0)
    package28582 (1.0.0)
    package28583 (1.0.0)
    package28584 (1.0.0)
    package28585 (1.0.0)
    package28586 (1.0.0)
    package28587 (1.0.0)
    package28588 (1.0.0)
    package28589 (1.0.0)
    package28590 (1.0.0)
    package28591 (1.0.0)
    package28592 (1.0.0)
    package28593 (1.0.0)
    package28594 (1.0.0)
    package28595 (1.0.0)
    package28596 (1.0.0)
    package28597 (1.0.0)
    package28598 (1.0.0)
    package28599 (1.0.0)
    package28600 (1.0.0)
    package28601 (1.0.0)
    package28602 (1.0.0)
    package28603 (1.0.0)
    package28604 (1.0.0)
    package28605 (1.0.0)
    package28606 (1.0.0)
    package28607 (1.0.0)
    package28608 (1.0.0)
    package28609 (1.0.0)
    package28610 (1.0.0)
    package28611 (1.0.0)
    package28612 (1.0.0)
    package28613 (1.0.0)
    package28614 (1.0.0)
    package28615 (1.0.0)
    package28616 (1.0.0)
    package28617 (1.0.0)
    package28618 (1.0.0)
    package28619 (1.0.0)
    package28620 (1.0.0)
    package28621 (1.0.0)
    package28622 (1.0.0)
    package28623 (1.0.0)
    package28624 (1.0.0)
    package28625 (1.0.0)
    package28626 (1.0.0)
    package28627 (1.0.0)
    package28628 (1.0.0)
    package28629 (1.0.0)
    package28630 (1.0.0)
    package28631 (1.0.0)
    package28632 (1.0.0)
    package28633 (1.0.0)
    package28634 (1.0.0)
    package28635 (1.0.0)
    package28636 (1.0.0)
    package28637 (1.0.0)
    package28638 (1.0.0)
    package28639 (1.0.0)
    package28640 (1.0.0)
    package28641 (1.0.0)
    package28642 (1.0.0)
    package28643 (1.0.0)
    package28644 (1.0.0)
    package28645 (1.0.0)
    package28646 (1.0.0)
    package28647 (1.0.0)
    package28648 (1.0.0)
    package28649 (1.0.0)
    package28650 (1.0.0)
    package28651 (1.0.0)
    package28652 (1.0.0)
    package28653 (1.0.0)
    package28654 (1.0.0)
    package28655 (1.0.0)
    package28656 (1.0.0)
    package28657 (1.0.0)
    package28658 (1.0.0)
    package28659 (1.0.0)
    package28660 (1.0.0)
    package28661 (1.0.0)
    package28662 (1.0.0)
    package28663 (1.0.0)
    package28664 (1.0.0)
    package28665 (1.0.0)
    package28666 (1.0.0)
    package28667 (1.0.0)
    package28668 (1.0.0)
    package28669 (1.0.0)
    package28670 (1.0.0)
    package28671 (1.0.0)
    package28672 (1.0.0)
    package28673 (1.0.0)
    package28674 (1.0.0)
    package28675 (1.0.0)
    package28676 (1.0.0)
    package28677 (1.0.0)
    package28678 (1.0.0)
    package28679 (1.0.0)
    package28680 (1.0.0)
    package28681 (1.0.0)
    package28682 (1.0.0)
    package28683 (1.0.0)
    package28684 (1.0.0)
    package28685 (1.0.0)
    package28686 (1.0.0)
    package28687 (1.0.0)
    package28688 (1.0.0)
    package28689 (1.0.0)
    package28690 (1.0.0)
    package28691 (1.0.0)
    package28692 (1.0.0)
    package28693 (1.0.0)
    package28694 (1.0.0)
    package28695 (1.0.0)
    package28696 (1.0.0)
    package28697 (1.0.0)
    package28698 (1.0.0)
    package28699 (1.0.0)
    package28700 (1.0.0)
    package28701 (1.0.0)
    package28702 (1.0.0)
    package28703 (1.0.0)
    package28704 (1.0.0)
    package28705 (1.0.0)
    package28706 (1.0.0)
    package28707 (1.0.0)
    package28708 (1.0.0)
    package28709 (1.0.0)
    package28710 (1.0.0)
    package28711 (1.0.0)
    package28712 (1.0.0)
    package28713 (1.0.0)
    package28714 (1.0.0)
    package28715 (1.0.0)
    package28716 (1.0.0)
    package28717 (1.0.0)
    package28718 (1.0.0)
    package28719 (1.0.0)
    package28720 (1.0.0)
    package28721 (1.0.0)
    package28722 (1.0.0)
    package28723 (1.0.0)
    package28724 (1.0.0)
    package28725 (1.0.0)
    package28726 (1.0.0)
    package28727 (1.0.0)
    package28728 (1.0.0)
    package28729 (1.0.0)
    package28730 (1.0.0)
    package28731 (1.0.0)
    package28732 (1.0.0)
    package28733 (1.0.0)
    package28734 (1.0.0)
    package28735 (1.0.0)
    package28736 (1.0.0)
    package28737 (1.0.0)
    package28738 (1.0.0)
    package28739 (1.0.0)
    package28740 (1.0.0)
    package28741 (1.0.0)
    package28742 (1.0.0)
    package28743 (1.0.0)
    package28744 (1.0.0)
    package28745 (1.0.0)
    package28746 (1.0.0)
    package28747 (1.0.0)
    package28748 (1.0.0)
    package28749 (1.0.0)
    package28750 (1.0.0)
    package28751 (1.0.0)
    package28752 (1.0.0)
    package28753 (1.0.0)
    package28754 (1.0.0)
    package28755 (1.0.0)
    package28756 (1.0.0)
    package28757 (1.0.0)
    package28758 (1.0.0)
    package28759 (1.0.0)
    package28760 (1.0.0)
    package28761 (1.0.0)
    package28762 (1.0.0)
    package28763 (1.0.0)
    package28764 (1.0.0)
    package28765 (1.0.0)
    package28766 (1.0.0)
    package28767 (1.0.0)
    package28768 (1.0.0)
    package28769 (1.0.0)
    package28770 (1.0.0)
    package28771 (1.0.0)
    package28772 (1.0.0)
    package28773 (1.0.0)
    package28774 (1.0.0)
    package28775 (1.0.0)
    package28776 (1.0.0)
    package28777 (1.0.0)
    package28778 (1.0.0)
    package28779 (1.0.0)
    package28780 (1.0.0)
    package28781 (1.0.0)
    package28782 (1.0.0)
    package28783 (1.0.0)
    package28784 (1.0.0)
    package28785 (1.0.0)
    package28786 (1.0.0)
    package28787 (1.0.0)
    package28788 (1.0.0)
    package28789 (1.0.0)
    package28790 (1.0.0)
    package28791 (1.0.0)
    package28792 (1.0.0)
    package28793 (1.0.0)
    package28794 (1.0.0)
    package28795 (1.0.0)
    package28796 (1.0.0)
    package28797 (1.0.0)
    package28798 (1.0.0)
    package28799 (1.0.0)
    package28800 (1.0.0)
    package28801 (1.0.0)
    package28802 (1.0.0)
    package28803 (1.0.0)
    package28804 (1.0.0)
    package28805 (1.0.0)
    package28806 (1.0.0)
    package28807 (1.0.0)
    package28808 (1.0.0)
    package28809 (1.0.0)
    package28810 (1.0.0)
    package28811 (1.0.0)
    package28812 (1.0.0)
    package28813 (1.0.0)
    package28814 (1.0.0)
    package28815 (1.0.0)
    package28816 (1.0.0)
    package28817 (1.0.0)
    package28818 (1.0.0)
    package28819 (1.0.0)
    package28820 (1.0.0)
    package28821 (1.0.0)
    package28822 (1.0.0)
    package28823 (1.0.0)
    package28824 (1.0.0)
    package28825 (1.0.0)
    package28826 (1.0.0)
    package28827 (1.0.0)
    package28828 (1.0.0)
    package28829 (1.0.0)
    package28830 (1.0.0)
    package28831 (1.0.0)
    package28832 (1.0.0)
    package28833 (1.0.0)
    package28834 (1.0.0)
    package28835 (1.0.0)
    package28836 (1.0.0)
    package28837 (1.0.0)
    package28838 (1.0.0)
    package28839 (1.0.0)
    package28840 (1.0.0)
    package28841 (1.0.0)
    package28842 (1.0.0)
    package28843 (1.0.0)
    package28844 (1.0.0)
    package28845 (1.0.0)
    package28846 (1.0.0)
    package28847 (1.0.0)
    package28848 (1.0.0)
    package28849 (1.0.0)
    package28850 (1.0.0)
    package28851 (1.0.0)
    package28852 (1.0.0)
    package28853 (1.0.0)
    package28854 (1.0.0)
    package28855 (1.0.0)
    package28856 (1.0.0)
    package28857 (1.0.0)
    package28858 (1.0.0)
    package28859 (1.0.0)
    package28860 (1.0.0)
    package28861 (1.0.0)
    package28862 (1.0.0)
    package28863 (1.0.0)
    package28864 (1.0.0)
    package28865 (1.0.0)
    package28866 (1.0.0)
    package28867 (1.0.0)
    package28868 (1.0.0)
    package28869 (1.0.0)
    package28870 (1.0.0)
    package28871 (1.0.0)
    package28872 (1.0.0)
    package28873 (1.0.0)
    package28874 (1.0.0)
    package28875 (1.0.0)
    package28876 (1.0.0)
    package28877 (1.0.0)
    package28878 (1.0.0)
    package28879 (1.0.0)
    package28880 (1.0.0)
    package28881 (1.0.0)
    package28882 (1.0.0)
    package28883 (1.0.0)
    package28884 (1.0.0)
    package28885 (1.0.0)
    package28886 (1.0.0)
    package28887 (1.0.0)
    package28888 (1.0.0)
    package28889 (1.0.0)
    package28890 (1.0.0)
    package28891 (1.0.0)
    package28892 (1.0.0)
    package28893 (1.0.0)
    package28894 (1.0.0)
    package28895 (1.0.0)
    package28896 (1.0.0)
    package28897 (1.0.0)
    package28898 (1.0.0)
    package28899 (1.0.0)
    package28900 (1.0.0)
    package28901 (1.0.0)
    package28902 (1.0.0)
    package28903 (1.0.0)
    package28904 (1.0.0)
    package28905 (1.0.0)
    package28906 (1.0.0)
    package28907 (1.0.0)
    package28908 (1.0.0)
    package28909 (1.0.0)
    package28910 (1.0.0)
    package28911 (1.0.0)
    package28912 (1.0.0)
    package28913 (1.0.0)
    package28914 (1.0.0)
    package28915 (1.0.0)
    package28916 (1.0.0)
    package28917 (1.0.0)
    package28918 (1.0.0)
    package28919 (1.0.0)
    package28920 (1.0.0)
    package28921 (1.0.0)
    package28922 (1.0.0)
    package28923 (1.0.0)
    package28924 (1.0.0)
    package28925 (1.0.0)
    package28926 (1.0.0)
    package28927 (1.0.0)
    package28928 (1.0.0)
    package28929 (1.0.0)
    package28930 (1.0.0)
    package28931 (1.0.0)
    package28932 (1.0.0)
    package28933 (1.0.0)
    package28934 (1.0.0)
    package28935 (1.0.0)
    package28936 (1.0.0)
    package28937 (1.0.0)
    package28938 (1.0.0)
    package28939 (1.0.0)
    package28940 (1.0.0)
    package28941 (1.0.0)
    package28942 (1.0.0)
    package28943 (1.0.0)
    package28944 (1.0.0)
    package28945 (1.0.0)
    package28946 (1.0.0)
    package28947 (1.0.0)
    package28948 (1.0.0)
    package28949 (1.0.0)
    package28950 (1.0.0)
    package28951 (1.0.0)
    package28952 (1.0.0)
    package28953 (1.0.0)
    package28954 (1.0.0)
    package28955 (1.0.0)
    package28956 (1.0.0)
    package28957 (1.0.0)
    package28958 (1.0.0)
    package28959 (1.0.0)
    package28960 (1.0.0)
    package28961 (1.0.0)
    package28962 (1.0.0)
    package28963 (1.0.0)
    package28964 (1.0.0)
    package28965 (1.0.0)
    package28966 (1.0.0)
    package28967 (1.0.0)
    package28968 (1.0.0)
    package28969 (1.0.0)
    package28970 (1.0.0)
    package28971 (1.0.0)
    package28972 (1.0.0)
    package28973 (1.0.0)
    package28974 (1.0.0)
    package28975 (1.0.0)
    package28976 (1.0.0)
    package28977 (1.0.0)
    package28978 (1.0.0)
    package28979 (1.0.0)
    package28980 (1.0.0)
    package28981 (1.0.0)
    package28982 (1.0.0)
    package28983 (1.0.0)
    package28984 (1.0.0)
    package28985 (1.0.0)
    package28986 (1.0.0)
    package28987 (1.0.0)
    package28988 (1.0.0)
    package28989 (1.0.0)
    package28990 (1.0.0)
    package28991 (1.0.0)
    package28992 (1.0.0)
    package28993 (1.0.0)
    package28994 (1.0.0)
    package28995 (1.0.0)
    package28996 (1.0.0)
    package28997 (1.0.0)
    package28998 (1.0.0)
    package28999 (1.0.0)
    package29000 (1.0.0)
    package29001 (1.0.0)
    package29002 (1.0.0)
    package29003 (1.0.0)
    package29004 (1.0.0)
    package29005 (1.0.0)
    package29006 (1.0.0)
    package29007 (1.0.0)
    package29008 (1.0.0)
    package29009 (1.0.0)
    package29010 (1.0.0)
    package29011 (1.0.0)
    package29012 (1.0.0)
    package29013 (1.0.0)
    package29014 (1.0.0)
    package29015 (1.0.0)
    package29016 (1.0.0)
    package29017 (1.0.0)
    package29018 (1.0.0)
    package29019 (1.0.0)
    package29020 (1.0.0)
    package29021 (1.0.0)
    package29022 (1.0.0)
    package29023 (1.0.0)
    package29024 (1.0.0)
    package29025 (1.0.0)
    package29026 (1.0.0)
    package29027 (1.0.0)
    package29028 (1.0.0)
    package29029 (1.0.0)
    package29030 (1.0.0)
    package29031 (1.0.0)
    package29032 (1.0.0)
    package29033 (1.0.0)
    package29034 (1.0.0)
    package29035 (1.0.0)
    package29036 (1.0.0)
    package29037 (1.0.0)
    package29038 (1.0.0)
    package29039 (1.0.0)
    package29040 (1.0.0)
    package29041 (1.0.0)
    package29042 (1.0.0)
    package29043 (1.0.0)
    package29044 (1.0.0)
    package29045 (1.0.0)
    package29046 (1.0.0)
    package29047 (1.0.0)
    package29048 (1.0.0)
    package29049 (1.0.0)
    package29050 (1.0.0)
    package29051 (1.0.0)
    package29052 (1.0.0)
    package29053 (1.0.0)
    package29054 (1.0.0)
    package29055 (1.0.0)
    package29056 (1.0.0)
    package29057 (1.0.0)
    package29058 (1.0.0)
    package29059 (1.0.0)
    package29060 (1.0.0)
    package29061 (1.0.0)
    package29062 (1.0.0)
    package29063 (1.0.0)
    package29064 (1.0.0)
    package29065 (1.0.0)
    package29066 (1.0.0)
    package29067 (1.0.0)
    package29068 (1.0.0)
    package29069 (1.0.0)
    package29070 (1.0.0)
    package29071 (1.0.0)
    package29072 (1.0.0)
    package29073 (1.0.0)
    package29074 (1.0.0)
    package29075 (1.0.0)
    package29076 (1.0.0)
    package29077 (1.0.0)
    package29078 (1.0.0)
    package29079 (1.0.0)
    package29080 (1.0.0)
    package29081 (1.0.0)
    package29082 (1.0.0)
    package29083 (1.0.0)
    package29084 (1.0.0)
    package29085 (1.0.0)
    package29086 (1.0.0)
    package29087 (1.0.0)
    package29088 (1.0.0)
    package29089 (1.0.0)
    package29090 (1.0.0)
    package29091 (1.0.0)
    package29092 (1.0.0)
    package29093 (1.0.0)
    package29094 (1.0.0)
    package29095 (1.0.0)
    package29096 (1.0.0)
    package29097 (1.0.0)
    package29098 (1.0.0)
    package29099 (1.0.0)
    package29100 (1.0.0)
    package29101 (1.0.0)
    package29102 (1.0.0)
    package29103 (1.0.0)
    package29104 (1.0.0)
    package29105 (1.0.0)
    package29106 (1.0.0)
    package29107 (1.0.0)
    package29108 (1.0.0)
    package29109 (1.0.0)
    package29110 (1.0.0)
    package29111 (1.0.0)
    package29112 (1.0.0)
    package29113 (1.0.0)
    package29114 (1.0.0)
    package29115 (1.0.0)
    package29116 (1.0.0)
    package29117 (1.0.0)
    package29118 (1.0.0)
    package29119 (1.0.0)
    package29120 (1.0.0)
    package29121 (1.0.0)
    package29122 (1.0.0)
    package29123 (1.0.0)
    package29124 (1.0.0)
    package29125 (1.0.0)
    package29126 (1.0.0)
    package29127 (1.0.0)
    package29128 (1.0.0)
    package29129 (1.0.0)
    package29130 (1.0.0)
    package29131 (1.0.0)
    package29132 (1.0.0)
    package29133 (1.0.0)
    package29134 (1.0.0)
    package29135 (1.0.0)
    package29136 (1.0.0)
    package29137 (1.0.0)
    package29138 (1.0.0)
    package29139 (1.0.0)
    package29140 (1.0.0)
    package29141 (1.0.0)
    package29142 (1.0.0)
    package29143 (1.0.0)
    package29144 (1.0.0)
    package29145 (1.0.0)
    package29146 (1.0.0)
    package29147 (1.0.0)
    package29148 (1.0.0)
    package29149 (1.0.0)
    package29150 (1.0.0)
    package29151 (1.0.0)
    package29152 (1.0.0)
    package29153 (1.0.0)
    package29154 (1.0.0)
    package29155 (1.0.0)
    package29156 (1.0.0)
    package29157 (1.0.0)
    package29158 (1.0.0)
    package29159 (1.0.0)
    package29160 (1.0.0)
    package29161 (1.0.0)
    package29162 (1.0.0)
    package29163 (1.0.0)
    package29164 (1.0.0)
    package29165 (1.0.0)
    package29166 (1.0.0)
    package29167 (1.0.0)
    package29168 (1.0.0)
    package29169 (1.0.0)
    package29170 (1.0.0)
    package29171 (1.0.0)
    package29172 (1.0.0)
    package29173 (1.0.0)
    package29174 (1.0.0)
    package29175 (1.0.0)
    package29176 (1.0.0)
    package29177 (1.0.0)
    package29178 (1.0.0)
    package29179 (1.0.0)
    package29180 (1.0.0)
    package29181 (1.0.0)
    package29182 (1.0.0)
    package29183 (1.0.0)
    package29184 (1.0.0)
    package29185 (1.0.0)
    package29186 (1.0.0)
    package29187 (1.0.0)
    package29188 (1.0.0)
    package29189 (1.0.0)
    package29190 (1.0.0)
    package29191 (1.0.0)
    package29192 (1.0.0)
    package29193 (1.0.0)
    package29194 (1.0.0)
    package29195 (1.0.0)
    package29196 (1.0.0)
    package29197 (1.0.0)
    package29198 (1.0.0)
    package29199 (1.0.0)
    package29200 (1.0.0)
    package29201 (1.0.0)
    package29202 (1.0.0)
    package29203 (1.0.0)
    package29204 (1.0.0)
    package29205 (1.0.0)
    package29206 (1.0.0)
    package29207 (1.0.0)
    package29208 (1.0.0)
    package29209 (1.0.0)
    package29210 (1.0.0)
    package29211 (1.0.0)
    package29212 (1.0.0)
    package29213 (1.0.0)
    package29214 (1.0.0)
    package29215 (1.0.0)
    package29216 (1.0.0)
    package29217 (1.0.0)
    package29218 (1.0.0)
    package29219 (1.0.0)
    package29220 (1.0.0)
    package29221 (1.0.0)
    package29222 (1.0.0)
    package29223 (1.0.0)
    package29224 (1.0.0)
    package29225 (1.0.0)
    package29226 (1.0.0)
    package29227 (1.0.0)
    package29228 (1.0.0)
    package29229 (1.0.0)
    package29230 (1.0.0)
    package29231 (1.0.0)
    package29232 (1.0.0)
    package29233 (1.0.0)
    package29234 (1.0.0)
    package29235 (1.0.0)
    package29236 (1.0.0)
    package29237 (1.0.0)
    package29238 (1.0.0)
    package29239 (1.0.0)
    package29240 (1.0.0)
    package29241 (1.0.0)
    package29242 (1.0.0)
    package29243 (1.0.0)
    package29244 (1.0.0)
    package29245 (1.0.0)
    package29246 (1.0.0)
    package29247 (1.0.0)
    package29248 (1.0.0)
    package29249 (1.0.0)
    package29250 (1.0.0)
    package29251 (1.0.0)
    package29252 (1.0.0)
    package29253 (1.0.0)
    package29254 (1.0.0)
    package29255 (1.0.0)
    package29256 (1.0.0)
    package29257 (1.0.0)
    package29258 (1.0.0)
    package29259 (1.0.0)
    package29260 (1.0.0)
    package29261 (1.0.0)
    package29262 (1.0.0)
    package29263 (1.0.0)
    package29264 (1.0.0)
    package29265 (1.0.0)
    package29266 (1.0.0)
    package29267 (1.0.0)
    package29268 (1.0.0)
    package29269 (1.0.0)
    package29270 (1.0.0)
    package29271 (1.0.0)
    package29272 (1.0.0)
    package29273 (1.0.0)
    package29274 (1.0.0)
    package29275 (1.0.0)
    package29276 (1.0.0)
    package29277 (1.0.0)
    package29278 (1.0.0)
    package29279 (1.0.0)
    package29280 (1.0.0)
    package29281 (1.0.0)
    package29282 (1.0.0)
    package29283 (1.0.0)
    package29284 (1.0.0)
    package29285 (1.0.0)
    package29286 (1.0.0)
    package29287 (1.0.0)
    package29288 (1.0.0)
    package29289 (1.0.0)
    package29290 (1.0.0)
    package29291 (1.0.0)
    package29292 (1.0.0)
    package29293 (1.0.0)
    package29294 (1.0.0)
    package29295 (1.0.0)
    package29296 (1.0.0)
    package29297 (1.0.0)
    package29298 (1.0.0)
    package29299 (1.0.0)
    package29300 (1.0.0)
    package29301 (1.0.0)
    package29302 (1.0.0)
    package29303 (1.0.0)
    package29304 (1.0.0)
    package29305 (1.0.0)
    package29306 (1.0.0)
    package29307 (1.0.0)
    package29308 (1.0.0)
    package29309 (1.0.0)
    package29310 (1.0.0)
    package29311 (1.0.0)
    package29312 (1.0.0)
    package29313 (1.0.0)
    package29314 (1.0.0)
    package29315 (1.0.0)
    package29316 (1.0.0)
    package29317 (1.0.0)
    package29318 (1.0.0)
    package29319 (1.0.0)
    package29320 (1.0.0)
    package29321 (1.0.0)
    package29322 (1.0.0)
    package29323 (1.0.0)
    package29324 (1.0.0)
    package29325 (1.0.0)
    package29326 (1.0.0)
    package29327 (1.0.0)
    package29328 (1.0.0)
    package29329 (1.0.0)
    package29330 (1.0.0)
    package29331 (1.0.0)
    package29332 (1.0.0)
    package29333 (1.0.0)
    package29334 (1.0.0)
    package29335 (1.0.0)
    package29336 (1.0.0)
    package29337 (1.0.0)
    package29338 (1.0.0)
    package29339 (1.0.0)
    package29340 (1.0.0)
    package29341 (1.0.0)
    package29342 (1.0.0)
    package29343 (1.0.0)
    package29344 (1.0.0)
    package29345 (1.0.0)
    package29346 (1.0.0)
    package29347 (1.0.0)
    package29348 (1.0.0)
    package29349 (1.0.0)
    package29350 (1.0.0)
    package29351 (1.0.0)
    package29352 (1.0.0)
    package29353 (1.0.0)
    package29354 (1.0.0)
    package29355 (1.0.0)
    package29356 (1.0.0)
    package29357 (1.0.0)
    package29358 (1.0.0)
    package29359 (1.0.0)
    package29360 (1.0.0)
    package29361 (1.0.0)
    package29362 (1.0.0)
    package29363 (1.0.0)
    package29364 (1.0.0)
    package29365 (1.0.0)
    package29366 (1.0.0)
    package29367 (1.0.0)
    package29368 (1.0.0)
    package29369 (1.0.0)
    package29370 (1.0.0)
    package29371 (1.0.0)
    package29372 (1.0.0)
    package29373 (1.0.0)
    package29374 (1.0.0)
    package29375 (1.0.0)
    package29376 (1.0.0)
    package29377 (1.0.0)
    package29378 (1.0.0)
    package29379 (1.0.0)
    package29380 (1.0.0)
    package29381 (1.0.0)
    package29382 (1.0.0)
    package29383 (1.0.0)
    package29384 (1.0.0)
    package29385 (1.0.0)
    package29386 (1.0.0)
    package29387 (1.0.0)
    package29388 (1.0.0)
    package29389 (1.0.0)
    package29390 (1.0.0)
    package29391 (1.0.0)
    package29392 (1.0.0)
    package29393 (1.0.0)
    package29394 (1.0.0)
    package29395 (1.0.0)
    package29396 (1.0.0)
    package29397 (1.0.0)
    package29398 (1.0.0)
    package29399 (1.0.0)
    package29400 (1.0.0)
    package29401 (1.0.0)
    package29402 (1.0.0)
    package29403 (1.0.0)
    package29404 (1.0.0)
    package29405 (1.0.0)
    package29406 (1.0.0)
    package29407 (1.0.0)
    package29408 (1.0.0)
    package29409 (1.0.0)
    package29410 (1.0.0)
    package29411 (1.0.0)
    package29412 (1.0.0)
    package29413 (1.0.0)
    package29414 (1.0.0)
    package29415 (1.0.0)
    package29416 (1.0.0)
    package29417 (1.0.0)
    package29418 (1.0.0)
    package29419 (1.0.0)
    package29420 (1.0.0)
    package29421 (1.0.0)
    package29422 (1.0.0)
    package29423 (1.0.0)
    package29424 (1.0.0)
    package29425 (1.0.0)
    package29426 (1.0.0)
    package29427 (1.0.0)
    package29428 (1.0.0)
    package29429 (1.0.0)
    package29430 (1.0.0)
    package29431 (1.0.0)
    package29432 (1.0.0)
    package29433 (1.0.0)
    package29434 (1.0.0)
    package29435 (1.0.0)
    package29436 (1.0.0)
    package29437 (1.0.0)
    package29438 (1.0.0)
    package29439 (1.0.0)
    package29440 (1.0.0)
    package29441 (1.0.0)
    package29442 (1.0.0)
    package29443 (1.0.0)
    package29444 (1.0.0)
    package29445 (1.0.0)
    package29446 (1.0.0)
    package29447 (1.0.0)
    package29448 (1.0.0)
    package29449 (1.0.0)
    package29450 (1.0.0)
    package29451 (1.0.0)
    package29452 (1.0.0)
    package29453 (1.0.0)
    package29454 (1.0.0)
    package29455 (1.0.0)
    package29456 (1.0.0)
    package29457 (1.0.0)
    package29458 (1.0.0)
    package29459 (1.0.0)
    package29460 (1.0.0)
    package29461 (1.0.0)
    package29462 (1.0.0)
    package29463 (1.0.0)
    package29464 (1.0.0)
    package29465 (1.0.0)
    package29466 (1.0.0)
    package29467 (1.0.0)
    package29468 (1.0.0)
    package29469 (1.0.0)
    package29470 (1.0.0)
    package29471 (1.0.0)
    package29472 (1.0.0)
    package29473 (1.0.0)
    package29474 (1.0.0)
    package29475 (1.0.0)
    package29476 (1.0.0)
    package29477 (1.0.0)
    package29478 (1.0.0)
    package29479 (1.0.0)
    package29480 (1.0.0)
    package29481 (1.0.0)
    package29482 (1.0.0)
    package29483 (1.0.0)
    package29484 (1.0.0)
    package29485 (1.0.0)
    package29486 (1.0.0)
    package29487 (1.0.0)
    package29488 (1.0.0)
    package29489 (1.0.0)
    package29490 (1.0.0)
    package29491 (1.0.0)
    package29492 (1.0.0)
    package29493 (1.0.0)
    package29494 (1.0.0)
    package29495 (1.0.0)
    package29496 (1.0.0)
    package29497 (1.0.0)
    package29498 (1.0.0)
    package29499 (1.0.0)
    package29500 (1.0.0)
    package29501 (1.0.0)
    package29502 (1.0.0)
    package29503 (1.0.0)
    package29504 (1.0.0)
    package29505 (1.0.0)
    package29506 (1.0.0)
    package29507 (1.0.0)
    package29508 (1.0.0)
    package29509 (1.0.0)
    package29510 (1.0.0)
    package29511 (1.0.0)
    package29512 (1.0.0)
    package29513 (1.0.0)
    package29514 (1.0.0)
    package29515 (1.0.0)
    package29516 (1.0.0)
    package29517 (1.0.0)
    package29518 (1.0.0)
    package29519 (1.0.0)
    package29520 (1.0.0)
    package29521 (1.0.0)
    package29522 (1.0.0)
    package29523 (1.0.0)
    package29524 (1.0.0)
    package29525 (1.0.0)
    package29526 (1.0.0)
    package29527 (1.0.0)
    package29528 (1.0.0)
    package29529 (1.0.0)
    package29530 (1.0.0)
    package29531 (1.0.0)
    package29532 (1.0.0)
    package29533 (1.0.0)
    package29534 (1.0.0)
    package29535 (1.0.0)
    package29536 (1.0.0)
    package29537 (1.0.0)
    package29538 (1.0.0)
    package29539 (1.0.0)
    package29540 (1.0.0)
    package29541 (1.0.0)
    package29542 (1.0.0)
    package29543 (1.0.0)
    package29544 (1.0.0)
    package29545 (1.0.0)
    package29546 (1.0.0)
    package29547 (1.0.0)
    package29548 (1.0.0)
    package29549 (1.0.0)
    package29550 (1.0.0)
    package29551 (1.0.0)
    package29552 (1.0.0)
    package29553 (1.0.0)
    package29554 (1.0.0)
    package29555 (1.0.0)
    package29556 (1.0.0)
    package29557 (1.0.0)
    package29558 (1.0.0)
    package29559 (1.0.0)
    package29560 (1.0.0)
    package29561 (1.0.0)
    package29562 (1.0.0)
    package29563 (1.0.0)
    package29564 (1.0.0)
    package29565 (1.0.0)
    package29566 (1.0.0)
    package29567 (1.0.0)
    package29568 (1.0.0)
    package29569 (1.0.0)
    package29570 (1.0.0)
    package29571 (1.0.0)
    package29572 (1.0.0)
    package29573 (1.0.0)
    package29574 (1.0.0)
    package29575 (1.0.0)
    package29576 (1.0.0)
    package29577 (1.0.0)
    package29578 (1.0.0)
    package29579 (1.0.0)
    package29580 (1.0.0)
    package29581 (1.0.0)
    package29582 (1.0.0)
    package29583 (1.0.0)
    package29584 (1.0.0)
    package29585 (1.0.0)
    package29586 (1.0.0)
    package29587 (1.0.0)
    package29588 (1.0.0)
    package29589 (1.0.0)
    package29590 (1.0.0)
    package29591 (1.0.0)
    package29592 (1.0.0)
    package29593 (1.0.0)
    package29594 (1.0.0)
    package29595 (1.0.0)
    package29596 (1.0.0)
    package29597 (1.0.0)
    package29598 (1.0.0)
    package29599 (1.0.0)
    package29600 (1.0.0)
    package29601 (1.0.0)
    package29602 (1.0.0)
    package29603 (1.0.0)
    package29604 (1.0.0)
    package29605 (1.0.0)
    package29606 (1.0.0)
    package29607 (1.0.0)
    package29608 (1.0.0)
    package29609 (1.0.0)
    package29610 (1.0.0)
    package29611 (1.0.0)
    package29612 (1.0.0)
    package29613 (1.0.0)
    package29614 (1.0.0)
    package29615 (1.0.0)
    package29616 (1.0.0)
    package29617 (1.0.0)
    package29618 (1.0.0)
    package29619 (1.0.0)
    package29620 (1.0.0)
    package29621 (1.0.0)
    package29622 (1.0.0)
    package29623 (1.0.0)
    package29624 (1.0.0)
    package29625 (1.0.0)
    package29626 (1.0.0)
    package29627 (1.0.0)
    package29628 (1.0.0)
    package29629 (1.0.0)
    package29630 (1.0.0)
    package29631 (1.0.0)
    package29632 (1.0.0)
    package29633 (1.0.0)
    package29634 (1.0.0)
    package29635 (1.0.0)
    package29636 (1.0.0)
    package29637 (1.0.0)
    package29638 (1.0.0)
    package29639 (1.0.0)
    package29640 (1.0.0)
    package29641 (1.0.0)
    package29642 (1.0.0)
    package29643 (1.0.0)
    package29644 (1.0.0)
    package29645 (1.0.0)
    package29646 (1.0.0)
    package29647 (1.0.0)
    package29648 (1.0.0)
    package29649 (1.0.0)
    package29650 (1.0.0)
    package29651 (1.0.0)
    package29652 (1.0.0)
    package29653 (1.0.0)
    package29654 (1.0.0)
    package29655 (1.0.0)
    package29656 (1.0.0)
    package29657 (1.0.0)
    package29658 (1.0.0)
    package29659 (1.0.0)
    package29660 (1.0.0)
    package29661 (1.0.0)
    package29662 (1.0.0)
    package29663 (1.0.0)
    package29664 (1.0.0)
    package29665 (1.0.0)
    package29666 (1.0.0)
    package29667 (1.0.0)
    package29668 (1.0.0)
    package29669 (1.0.0)
    package29670 (1.0.0)
    package29671 (1.0.0)
    package29672 (1.0.0)
    package29673 (1.0.0)
    package29674 (1.0.0)
    package29675 (1.0.0)
    package29676 (1.0.0)
    package29677 (1.0.0)
    package29678 (1.0.0)
    package29679 (1.0.0)
    package29680 (1.0.0)
    package29681 (1.0.0)
    package29682 (1.0.0)
    package29683 (1.0.0)
    package29684 (1.0.0)
    package29685 (1.0.0)
    package29686 (1.0.0)
    package29687 (1.0.0)
    package29688 (1.0.0)
    package29689 (1.0.0)
    package29690 (1.0.0)
    package29691 (1.0.0)
    package29692 (1.0.0)
    package29693 (1.0.0)
    package29694 (1.0.0)
    package29695 (1.0.0)
    package29696 (1.0.0)
    package29697 (1.0.0)
    package29698 (1.0.0)
    package29699 (1.0.0)
    package29700 (1.0.0)
    package29701 (1.0.0)
    package29702 (1.0.0)
    package29703 (1.0.0)
    package29704 (1.0.0)
    package29705 (1.0.0)
    package29706 (1.0.0)
    package29707 (1.0.0)
    package29708 (1.0.0)
    package29709 (1.0.0)
    package29710 (1.0.0)
    package29711 (1.0.0)
    package29712 (1.0.0)
    package29713 (1.0.0)
    package29714 (1.0.0)
    package29715 (1.0.0)
    package29716 (1.0.0)
    package29717 (1.0.0)
    package29718 (1.0.0)
    package29719 (1.0.0)
    package29720 (1.0.0)
    package29721 (1.0.0)
    package29722 (1.0.0)
    package29723 (1.0.0)
    package29724 (1.0.0)
    package29725 (1.0.0)
    package29726 (1.0.0)
    package29727 (1.0.0)
    package29728 (1.0.0)
    package29729 (1.0.0)
    package29730 (1.0.0)
    package29731 (1.0.0)
    package29732 (1.0.0)
    package29733 (1.0.0)
    package29734 (1.0.0)
    package29735 (1.0.0)
    package29736 (1.0.0)
    package29737 (1.0.0)
    package29738 (1.0.0)
    package29739 (1.0.0)
    package29740 (1.0.0)
    package29741 (1.0.0)
    package29742 (1.0.0)
    package29743 (1.0.0)
    package29744 (1.0.0)
    package29745 (1.0.0)
    package29746 (1.0.0)
    package29747 (1.0.0)
    package29748 (1.0.0)
    package29749 (1.0.0)
    package29750 (1.0.0)
    package29751 (1.0.0)
    package29752 (1.0.0)
    package29753 (1.0.0)
    package29754 (1.0.0)
    package29755 (1.0.0)
    package29756 (1.0.0)
    package29757 (1.0.0)
    package29758 (1.0.0)
    package29759 (1.0.0)
    package29760 (1.0.0)
    package29761 (1.0.0)
    package29762 (1.0.0)
    package29763 (1.0.0)
    package29764 (1.0.0)
    package29765 (1.0.0)
    package29766 (1.0.0)
    package29767 (1.0.0)
    package29768 (1.0.0)
    package29769 (1.0.0)
    package29770 (1.0.0)
    package29771 (1.0.0)
    package29772 (1.0.0)
    package29773 (1.0.0)
    package29774 (1.0.0)
    package29775 (1.0.0)
    package29776 (1.0.0)
    package29777 (1.0.0)
    package29778 (1.0.0)
    package29779 (1.0.0)
    package29780 (1.0.0)
    package29781 (1.0.0)
    package29782 (1.0.0)
    package29783 (1.0.0)
    package29784 (1.0.0)
    package29785 (1.0.0)
    package29786 (1.0.0)
    package29787 (1.0.0)
    package29788 (1.0.0)
    package29789 (1.0.0)
    package29790 (1.0.0)
    package29791 (1.0.0)
    package29792 (1.0.0)
    package29793 (1.0.0)
    package29794 (1.0.0)
    package29795 (1.0.0)
    package29796 (1.0.0)
    package29797 (1.0.0)
    package29798 (1.0.0)
    package29799 (1.0.0)
    package29800 (1.0.0)
    package29801 (1.0.0)
    package29802 (1.0.0)
    package29803 (1.0.0)
    package29804 (1.0.0)
    package29805 (1.0.0)
    package29806 (1.0.0)
    package29807 (1.0.0)
    package29808 (1.0.0)
    package29809 (1.0.0)
    package29810 (1.0.0)
    package29811 (1.0.0)
    package29812 (1.0.0)
    package29813 (1.0.0)
    package29814 (1.0.0)
    package29815 (1.0.0)
    package29816 (1.0.0)
    package29817 (1.0.0)
    package29818 (1.0.0)
    package29819 (1.0.0)
    package29820 (1.0.0)
    package29821 (1.0.0)
    package29822 (1.0.0)
    package29823 (1.0.0)
    package29824 (1.0.0)
    package29825 (1.0.0)
    package29826 (1.0.0)
    package29827 (1.0.0)
    package29828 (1.0.0)
    package29829 (1.0.0)
    package29830 (1.0.0)
    package29831 (1.0.0)
    package29832 (1.0.0)
    package29833 (1.0.0)
    package29834 (1.0.0)
    package29835 (1.0.0)
    package29836 (1.0.0)
    package29837 (1.0.0)
    package29838 (1.0.0)
    package29839 (1.0.0)
    package29840 (1.0.0)
    package29841 (1.0.0)
    package29842 (1.0.0)
    package29843 (1.0.0)
    package29844 (1.0.0)
    package29845 (1.0.0)
    package29846 (1.0.0)
    package29847 (1.0.0)
    package29848 (1.0.0)
    package29849 (1.0.0)
    package29850 (1.0.0)
    package29851 (1.0.0)
    package29852 (1.0.0)
    package29853 (1.0.0)
    package29854 (1.0.0)
    package29855 (1.0.0)
    package29856 (1.0.0)
    package29857 (1.0.0)
    package29858 (1.0.0)
    package29859 (1.0.0)
    package29860 (1.0.0)
    package29861 (1.0.0)
    package29862 (1.0.0)
    package29863 (1.0.0)
    package29864 (1.0.0)
    package29865 (1.0.0)
    package29866 (1.0.0)
    package29867 (1.0.0)
    package29868 (1.0.0)
    package29869 (1.0.0)
    package29870 (1.0.0)
    package29871 (1.0.0)
    package29872 (1.0.0)
    package29873 (1.0.0)
    package29874 (1.0.0)
    package29875 (1.0.0)
    package29876 (1.0.0)
    package29877 (1.0.0)
    package29878 (1.0.0)
    package29879 (1.0.0)
    package29880 (1.0.0)
    package29881 (1.0.0)
    package29882 (1.0.0)
    package29883 (1.0.0)
    package29884 (1.0.0)
    package29885 (1.0.0)
    package29886 (1.0.0)
    package29887 (1.0.0)
    package29888 (1.0.0)
    package29889 (1.0.0)
    package29890 (1.0.0)
    package29891 (1.0.0)
    package29892 (1.0.0)
    package29893 (1.0.0)
    package29894 (1.0.0)
    package29895 (1.0.0)
    package29896 (1.0.0)
    package29897 (1.0.0)
    package29898 (1.0.0)
    package29899 (1.0.0)
    package29900 (1.0.0)
    package29901 (1.0.0)
    package29902 (1.0.0)
    package29903 (1.0.0)
    package29904 (1.0.0)
    package29905 (1.0.0)
    package29906 (1.0.0)
    package29907 (1.0.0)
    package29908 (1.0.0)
    package29909 (1.0.0)
    package29910 (1.0.0)
    package29911 (1.0.0)
    package29912 (1.0.0)
    package29913 (1.0.0)
    package29914 (1.0.0)
    package29915 (1.0.0)
    package29916 (1.0.0)
    package29917 (1.0.0)
    package29918 (1.0.0)
    package29919 (1.0.0)
    package29920 (1.0.0)
    package29921 (1.0.0)
    package29922 (1.0.0)
    package29923 (1.0.0)
    package29924 (1.0.0)
    package29925 (1.0.0)
    package29926 (1.0.0)
    package29927 (1.0.0)
    package29928 (1.0.0)
    package29929 (1.0.0)
    package29930 (1.0.0)
    package29931 (1.0.0)
    package29932 (1.0.0)
    package29933 (1.0.0)
    package29934 (1.0.0)
    package29935 (1.0.0)
    package29936 (1.0.0)
    package29937 (1.0.0)
    package29938 (1.0.0)
    package29939 (1.0.0)
    package29940 (1.0.0)
    package29941 (1.0.0)
    package29942 (1.0.0)
    package29943 (1.0.0)
    package29944 (1.0.0)
    package29945 (1.0.0)
    package29946 (1.0.0)
    package29947 (1.0.0)
    package29948 (1.0.0)
    package29949 (1.0.0)
    package29950 (1.0.0)
    package29951 (1.0.0)
    package29952 (1.0.0)
    package29953 (1.0.0)
    package29954 (1.0.0)
    package29955 (1.0.0)
    package29956 (1.0.0)
    package29957 (1.0.0)
    package29958 (1.0.0)
    package29959 (1.0.0)
    package29960 (1.0.0)
    package29961 (1.0.0)
    package29962 (1.0.0)
    package29963 (1.0.0)
    package29964 (1.0.0)
    package29965 (1.0.0)
    package29966 (1.0.0)
    package29967 (1.0.0)
    package29968 (1.0.0)
    package29969 (1.0.0)
    package29970 (1.0.0)
    package29971 (1.0.0)
    package29972 (1.0.0)
    package29973 (1.0.0)
    package29974 (1.0.0)
    package29975 (1.0.0)
    package29976 (1.0.0)
    package29977 (1.0.0)
    package29978 (1.0.0)
    package29979 (1.0.0)
    package29980 (1.0.0)
    package29981 (1.0.0)
    package29982 (1.0.0)
    package29983 (1.0.0)
    package29984 (1.0.0)
    package29985 (1.0.0)
    package29986 (1.0.0)
    package29987 (1.0.0)
    package29988 (1.0.0)
    package29989 (1.0.0)
    package29990 (1.0.0)
    package29991 (1.0.0)
    package29992 (1.0.0)
    package29993 (1.0.0)
    package29994 (1.0.0)
    package29995 (1.0.0)
    package29996 (1.0.0)
    package29997 (1.0.0)
    package29998 (1.0.0)
    package29999 (1.0.0)
    package30000 (1.0.0)
    package30001 (1.0.0)
    package30002 (1.0.0)
    package30003 (1.0.0)
    package30004 (1.0.0)
    package30005 (1.0.0)
    package30006 (1.0.0)
    package30007 (1.0.0)
    package30008 (1.0.0)
    package30009 (1.0.0)
    package30010 (1.0.0)
    package30011 (1.0.0)
    package30012 (1.0.0)
    package30013 (1.0.0)
    package30014 (1.0.0)
    package30015 (1.0.0)
    package30016 (1.0.0)
    package30017 (1.0.0)
    package30018 (1.0.0)
    package30019 (1.0.0)
    package30020 (1.0.0)
    package30021 (1.0.0)
    package30022 (1.0.0)
    package30023 (1.0.0)
    package30024 (1.0.0)
    package30025 (1.0.0)
    package30026 (1.0.0)
    package30027 (1.0.0)
    package30028 (1.0.0)
    package30029 (1.0.0)
    package30030 (1.0.0)
    package30031 (1.0.0)
    package30032 (1.0.0)
    package30033 (1.0.0)
    package30034 (1.0.0)
    package30035 (1.0.0)
    package30036 (1.0.0)
    package30037 (1.0.0)
    package30038 (1.0.0)
    package30039 (1.0.0)
    package30040 (1.0.0)
    package30041 (1.0.0)
    package30042 (1.0.0)
    package30043 (1.0.0)
    package30044 (1.0.0)
    package30045 (1.0.0)
    package30046 (1.0.0)
    package30047 (1.0.0)
    package30048 (1.0.0)
    package30049 (1.0.0)
    package30050 (1.0.0)
    package30051 (1.0.0)
    package30052 (1.0.0)
    package30053 (1.0.0)
    package30054 (1.0.0)
    package30055 (1.0.0)
    package30056 (1.0.0)
    package30057 (1.0.0)
    package30058 (1.0.0)
    package30059 (1.0.0)
    package30060 (1.0.0)
    package30061 (1.0.0)
    package30062 (1.0.0)
    package30063 (1.0.0)
    package30064 (1.0.0)
    package30065 (1.0.0)
    package30066 (1.0.0)
    package30067 (1.0.0)
    package30068 (1.0.0)
    package30069 (1.0.0)
    package30070 (1.0.0)
    package30071 (1.0.0)
    package30072 (1.0.0)
    package30073 (1.0.0)
    package30074 (1.0.0)
    package30075 (1.0.0)
    package30076 (1.0.0)
    package30077 (1.0.0)
    package30078 (1.0.0)
    package30079 (1.0.0)
    package30080 (1.0.0)
    package30081 (1.0.0)
    package30082 (1.0.0)
    package30083 (1.0.0)
    package30084 (1.0.0)
    package30085 (1.0.0)
    package30086 (1.0.0)
    package30087 (1.0.0)
    package30088 (1.0.0)
    package30089 (1.0.0)
    package30090 (1.0.0)
    package30091 (1.0.0)
    package30092 (1.0.0)
    package30093 (1.0.0)
    package30094 (1.0.0)
    package30095 (1.0.0)
    package30096 (1.0.0)
    package30097 (1.0.0)
    package30098 (1.0.0)
    package30099 (1.0.0)
    package30100 (1.0.0)
    package30101 (1.0.0)
    package30102 (1.0.0)
    package30103 (1.0.0)
    package30104 (1.0.0)
    package30105 (1.0.0)
    package30106 (1.0.0)
    package30107 (1.0.0)
    package30108 (1.0.0)
    package30109 (1.0.0)
    package30110 (1.0.0)
    package30111 (1.0.0)
    package30112 (1.0.0)
    package30113 (1.0.0)
    package30114 (1.0.0)
    package30115 (1.0.0)
    package30116 (1.0.0)
    package30117 (1.0.0)
    package30118 (1.0.0)
    package30119 (1.0.0)
    package30120 (1.0.0)
    package30121 (1.0.0)
    package30122 (1.0.0)
    package30123 (1.0.0)
    package30124 (1.0.0)
    package30125 (1.0.0)
    package30126 (1.0.0)
    package30127 (1.0.0)
    package30128 (1.0.0)
    package30129 (1.0.0)
    package30130 (1.0.0)
    package30131 (1.0.0)
    package30132 (1.0.0)
    package30133 (1.0.0)
    package30134 (1.0.0)
    package30135 (1.0.0)
    package30136 (1.0.0)
    package30137 (1.0.0)
    package30138 (1.0.0)
    package30139 (1.0.0)
    package30140 (1.0.0)
    package30141 (1.0.0)
    package30142 (1.0.0)
    package30143 (1.0.0)
    package30144 (1.0.0)
    package30145 (1.0.0)
    package30146 (1.0.0)
    package30147 (1.0.0)
    package30148 (1.0.0)
    package30149 (1.0.0)
    package30150 (1.0.0)
    package30151 (1.0.0)
    package30152 (1.0.0)
    package30153 (1.0.0)
    package30154 (1.0.0)
    package30155 (1.0.0)
    package30156 (1.0.0)
    package30157 (1.0.0)
    package30158 (1.0.0)
    package30159 (1.0.0)
    package30160 (1.0.0)
    package30161 (1.0.0)
    package30162 (1.0.0)
    package30163 (1.0.0)
    package30164 (1.0.0)
    package30165 (1.0.0)
    package30166 (1.0.0)
    package30167 (1.0.0)
    package30168 (1.0.0)
    package30169 (1.0.0)
    package30170 (1.0.0)
    package30171 (1.0.0)
    package30172 (1.0.0)
    package30173 (1.0.0)
    package30174 (1.0.0)
    package30175 (1.0.0)
    package30176 (1.0.0)
    package30177 (1.0.0)
    package30178 (1.0.0)
    package30179 (1.0.0)
    package30180 (1.0.0)
    package30181 (1.0.0)
    package30182 (1.0.0)
    package30183 (1.0.0)
    package30184 (1.0.0)
    package30185 (1.0.0)
    package30186 (1.0.0)
    package30187 (1.0.0)
    package30188 (1.0.0)
    package30189 (1.0.0)
    package30190 (1.0.0)
    package30191 (1.0.0)
    package30192 (1.0.0)
    package30193 (1.0.0)
    package30194 (1.0.0)
    package30195 (1.0.0)
    package30196 (1.0.0)
    package30197 (1.0.0)
    package30198 (1.0.0)
    package30199 (1.0.0)
    package30200 (1.0.0)
    package30201 (1.0.0)
    package30202 (1.0.0)
    package30203 (1.0.0)
    package30204 (1.0.0)
    package30205 (1.0.0)
    package30206 (1.0.0)
    package30207 (1.0.0)
    package30208 (1.0.0)
    package30209 (1.0.0)
    package30210 (1.0.0)
    package30211 (1.0.0)
    package30212 (1.0.0)
    package30213 (1.0.0)
    package30214 (1.0.0)
    package30215 (1.0.0)
    package30216 (1.0.0)
    package30217 (1.0.0)
    package30218 (1.0.0)
    package30219 (1.0.0)
    package30220 (1.0.0)
    package30221 (1.0.0)
    package30222 (1.0.0)
    package30223 (1.0.0)
    package30224 (1.0.0)
    package30225 (1.0.0)
    package30226 (1.0.0)
    package30227 (1.0.0)
    package30228 (1.0.0)
    package30229 (1.0.0)
    package30230 (1.0.0)
    package30231 (1.0.0)
    package30232 (1.0.0)
    package30233 (1.0.0)
    package30234 (1.0.0)
    package30235 (1.0.0)
    package30236 (1.0.0)
    package30237 (1.0.0)
    package30238 (1.0.0)
    package30239 (1.0.0)
    package30240 (1.0.0)
    package30241 (1.0.0)
    package30242 (1.0.0)
    package30243 (1.0.0)
    package30244 (1.0.0)
    package30245 (1.0.0)
    package30246 (1.0.0)
    package30247 (1.0.0)
    package30248 (1.0.0)
    package30249 (1.0.0)
    package30250 (1.0.0)
    package30251 (1.0.0)
    package30252 (1.0.0)
    package30253 (1.0.0)
    package30254 (1.0.0)
    package30255 (1.0.0)
    package30256 (1.0.0)
    package30257 (1.0.0)
    package30258 (1.0.0)
    package30259 (1.0.0)
    package30260 (1.0.0)
    package30261 (1.0.0)
    package30262 (1.0.0)
    package30263 (1.0.0)
    package30264 (1.0.0)
    package30265 (1.0.0)
    package30266 (1.0.0)
    package30267 (1.0.0)
    package30268 (1.0.0)
    package30269 (1.0.0)
    package30270 (1.0.0)
    package30271 (1.0.0)
    package30272 (1.0.0)
    package30273 (1.0.0)
    package30274 (1.0.0)
    package30275 (1.0.0)
    package30276 (1.0.0)
    package30277 (1.0.0)
    package30278 (1.0.0)
    package30279 (1.0.0)
    package30280 (1.0.0)
    package30281 (1.0.0)
    package30282 (1.0.0)
    package30283 (1.0.0)
    package30284 (1.0.0)
    package30285 (1.0.0)
    package30286 (1.0.0)
    package30287 (1.0.0)
    package30288 (1.0.0)
    package30289 (1.0.0)
    package30290 (1.0.0)
    package30291 (1.0.0)
    package30292 (1.0.0)
    package30293 (1.0.0)
    package30294 (1.0.0)
    package30295 (1.0.0)
    package30296 (1.0.0)
    package30297 (1.0.0)
    package30298 (1.0.0)
    package30299 (1.0.0)
    package30300 (1.0.0)
    package30301 (1.0.0)
    package30302 (1.0.0)
    package30303 (1.0.0)
    package30304 (1.0.0)
    package30305 (1.0.0)
    package30306 (1.0.0)
    package30307 (1.0.0)
    package30308 (1.0.0)
    package30309 (1.0.0)
    package30310 (1.0.0)
    package30311 (1.0.0)
    package30312 (1.0.0)
    package30313 (1.0.0)
    package30314 (1.0.0)
    package30315 (1.0.0)
    package30316 (1.0.0)
    package30317 (1.0.0)
    package30318 (1.0.0)
    package30319 (1.0.0)
    package30320 (1.0.0)
    package30321 (1.0.0)
    package30322 (1.0.0)
    package30323 (1.0.0)
    package30324 (1.0.0)
    package30325 (1.0.0)
    package30326 (1.0.0)
    package30327 (1.0.0)
    package30328 (1.0.0)
    package30329 (1.0.0)
    package30330 (1.0.0)
    package30331 (1.0.0)
    package30332 (1.0.0)
    package30333 (1.0.0)
    package30334 (1.0.0)
    package30335 (1.0.0)
    package30336 (1.0.0)
    package30337 (1.0.0)
    package30338 (1.0.0)
    package30339 (1.0.0)
    package30340 (1.0.0)
    package30341 (1.0.0)
    package30342 (1.0.0)
    package30343 (1.0.0)
    package30344 (1.0.0)
    package30345 (1.0.0)
    package30346 (1.0.0)
    package30347 (1.0.0)
    package30348 (1.0.0)
    package30349 (1.0.0)
    package30350 (1.0.0)
    package30351 (1.0.0)
    package30352 (1.0.0)
    package30353 (1.0.0)
    package30354 (1.0.0)
    package30355 (1.0.0)
    package30356 (1.0.0)
    package30357 (1.0.0)
    package30358 (1.0.0)
    package30359 (1.0.0)
    package30360 (1.0.0)
    package30361 (1.0.0)
    package30362 (1.0.0)
    package30363 (1.0.0)
    package30364 (1.0.0)
    package30365 (1.0.0)
    package30366 (1.0.0)
    package30367 (1.0.0)
    package30368 (1.0.0)
    package30369 (1.0.0)
    package30370 (1.0.0)
    package30371 (1.0.0)
    package30372 (1.0.0)
    package30373 (1.0.0)
    package30374 (1.0.0)
    package30375 (1.0.0)
    package30376 (1.0.0)
    package30377 (1.0.0)
    package30378 (1.0.0)
    package30379 (1.0.0)
    package30380 (1.0.0)
    package30381 (1.0.0)
    package30382 (1.0.0)
    package30383 (1.0.0)
    package30384 (1.0.0)
    package30385 (1.0.0)
    package30386 (1.0.0)
    package30387 (1.0.0)
    package30388 (1.0.0)
    package30389 (1.0.0)
    package30390 (1.0.0)
    package30391 (1.0.0)
    package30392 (1.0.0)
    package30393 (1.0.0)
    package30394 (1.0.0)
    package30395 (1.0.0)
    package30396 (1.0.0)
    package30397 (1.0.0)
    package30398 (1.0.0)
    package30399 (1.0.0)
    package30400 (1.0.0)
    package30401 (1.0.0)
    package30402 (1.0.0)
    package30403 (1.0.0)
    package30404 (1.0.0)
    package30405 (1.0.0)
    package30406 (1.0.0)
    package30407 (1.0.0)
    package30408 (1.0.0)
    package30409 (1.0.0)
    package30410 (1.0.0)
    package30411 (1.0.0)
    package30412 (1.0.0)
    package30413 (1.0.0)
    package30414 (1.0.0)
    package30415 (1.0.0)
    package30416 (1.0.0)
    package30417 (1.0.0)
    package30418 (1.0.0)
    package30419 (1.0.0)
    package30420 (1.0.0)
    package30421 (1.0.0)
    package30422 (1.0.0)
    package30423 (1.0.0)
    package30424 (1.0.0)
    package30425 (1.0.0)
    package30426 (1.0.0)
    package30427 (1.0.0)
    package30428 (1.0.0)
    package30429 (1.0.0)
    package30430 (1.0.0)
    package30431 (1.0.0)
    package30432 (1.0.0)
    package30433 (1.0.0)
    package30434 (1.0.0)
    package30435 (1.0.0)
    package30436 (1.0.0)
    package30437 (1.0.0)
    package30438 (1.0.0)
    package30439 (1.0.0)
    package30440 (1.0.0)
    package30441 (1.0.0)
    package30442 (1.0.0)
    package30443 (1.0.0)
    package30444 (1.0.0)
    package30445 (1.0.0)
    package30446 (1.0.0)
    package30447 (1.0.0)
    package30448 (1.0.0)
    package30449 (1.0.0)
    package30450 (1.0.0)
    package30451 (1.0.0)
    package30452 (1.0.0)
    package30453 (1.0.0)
    package30454 (1.0.0)
    package30455 (1.0.0)
    package30456 (1.0.0)
    package30457 (1.0.0)
    package30458 (1.0.0)
    package30459 (1.0.0)
    package30460 (1.0.0)
    package30461 (1.0.0)
    package30462 (1.0.0)
    package30463 (1.0.0)
    package30464 (1.0.0)
    package30465 (1.0.0)
    package30466 (1.0.0)
    package30467 (1.0.0)
    package30468 (1.0.0)
    package30469 (1.0.0)
    package30470 (1.0.0)
    package30471 (1.0.0)
    package30472 (1.0.0)
    package30473 (1.0.0)
    package30474 (1.0.0)
    package30475 (1.0.0)
    package30476 (1.0.0)
    package30477 (1.0.0)
    package30478 (1.0.0)
    package30479 (1.0.0)
    package30480 (1.0.0)
    package30481 (1.0.0)
    package30482 (1.0.0)
    package30483 (1.0.0)
    package30484 (1.0.0)
    package30485 (1.0.0)
    package30486 (1.0.0)
    package30487 (1.0.0)
    package30488 (1.0.0)
    package30489 (1.0.0)
    package30490 (1.0.0)
    package30491 (1.0.0)
    package30492 (1.0.0)
    package30493 (1.0.0)
    package30494 (1.0.0)
    package30495 (1.0.0)
    package30496 (1.0.0)
    package30497 (1.0.0)
    package30498 (1.0.0)
    package30499 (1.0.0)
    package30500 (1.0.0)
    package30501 (1.0.0)
    package30502 (1.0.0)
    package30503 (1.0.0)
    package30504 (1.0.0)
    package30505 (1.0.0)
    package30506 (1.0.0)
    package30507 (1.0.0)
    package30508 (1.0.0)
    package30509 (1.0.0)
    package30510 (1.0.0)
    package30511 (1.0.0)
    package30512 (1.0.0)
    package30513 (1.0.0)
    package30514 (1.0.0)
    package30515 (1.0.0)
    package30516 (1.0.0)
    package30517 (1.0.0)
    package30518 (1.0.0)
    package30519 (1.0.0)
    package30520 (1.0.0)
    package30521 (1.0.0)
    package30522 (1.0.0)
    package30523 (1.0.0)
    package30524 (1.0.0)
    package30525 (1.0.0)
    package30526 (1.0.0)
    package30527 (1.0.0)
    package30528 (1.0.0)
    package30529 (1.0.0)
    package30530 (1.0.0)
    package30531 (1.0.0)
    package30532 (1.0.0)
    package30533 (1.0.0)
    package30534 (1.0.0)
    package30535 (1.0.0)
    package30536 (1.0.0)
    package30537 (1.0.0)
    package30538 (1.0.0)
    package30539 (1.0.0)
    package30540 (1.0.0)
    package30541 (1.0.0)
    package30542 (1.0.0)
    package30543 (1.0.0)
    package30544 (1.0.0)
    package30545 (1.0.0)
    package30546 (1.0.0)
    package30547 (1.0.0)
    package30548 (1.0.0)
    package30549 (1.0.0)
    package30550 (1.0.0)
    package30551 (1.0.0)
    package30552 (1.0.0)
    package30553 (1.0.0)
    package30554 (1.0.0)
    package30555 (1.0.0)
    package30556 (1.0.0)
    package30557 (1.0.0)
    package30558 (1.0.0)
    package30559 (1.0.0)
    package30560 (1.0.0)
    package30561 (1.0.0)
    package30562 (1.0.0)
    package30563 (1.0.0)
    package30564 (1.0.0)
    package30565 (1.0.0)
    package30566 (1.0.0)
    package30567 (1.0.0)
    package30568 (1.0.0)
    package30569 (1.0.0)
    package30570 (1.0.0)
    package30571 (1.0.0)
    package30572 (1.0.0)
    package30573 (1.0.0)
    package30574 (1.0.0)
    package30575 (1.0.0)
    package30576 (1.0.0)
    package30577 (1.0.0)
    package30578 (1.0.0)
    package30579 (1.0.0)
    package30580 (1.0.0)
    package30581 (1.0.0)
    package30582 (1.0.0)
    package30583 (1.0.0)
    package30584 (1.0.0)
    package30585 (1.0.0)
    package30586 (1.0.0)
    package30587 (1.0.0)
    package30588 (1.0.0)
    package30589 (1.0.0)
    package30590 (1.0.0)
    package30591 (1.0.0)
    package30592 (1.0.0)
    package30593 (1.0.0)
    package30594 (1.0.0)
    package30595 (1.0.0)
    package30596 (1.0.0)
    package30597 (1.0.0)
    package30598 (1.0.0)
    package30599 (1.0.0)
    package30600 (1.0.0)
    package30601 (1.0.0)
    package30602 (1.0.0)
    package30603 (1.0.0)
    package30604 (1.0.0)
    package30605 (1.0.0)
    package30606 (1.0.0)
    package30607 (1.0.0)
    package30608 (1.0.0)
    package30609 (1.0.0)
    package30610 (1.0.0)
    package30611 (1.0.0)
    package30612 (1.0.0)
    package30613 (1.0.0)
    package30614 (1.0.0)
    package30615 (1.0.0)
    package30616 (1.0.0)
    package30617 (1.0.0)
    package30618 (1.0.0)
    package30619 (1.0.0)
    package30620 (1.0.0)
    package30621 (1.0.0)
    package30622 (1.0.0)
    package30623 (1.0.0)
    package30624 (1.0.0)
    package30625 (1.0.0)
    package30626 (1.0.0)
    package30627 (1.0.0)
    package30628 (1.0.0)
    package30629 (1.0.0)
    package30630 (1.0.0)
    package30631 (1.0.0)
    package30632 (1.0.0)
    package30633 (1.0.0)
    package30634 (1.0.0)
    package30635 (1.0.0)
    package30636 (1.0.0)
    package30637 (1.0.0)
    package30638 (1.0.0)
    package30639 (1.0.0)
    package30640 (1.0.0)
    package30641 (1.0.0)
    package30642 (1.0.0)
    package30643 (1.0.0)
    package30644 (1.0.0)
    package30645 (1.0.0)
    package30646 (1.0.0)
    package30647 (1.0.0)
    package30648 (1.0.0)
    package30649 (1.0.0)
    package30650 (1.0.0)
    package30651 (1.0.0)
    package30652 (1.0.0)
    package30653 (1.0.0)
    package30654 (1.0.0)
    package30655 (1.0.0)
    package30656 (1.0.0)
    package30657 (1.0.0)
    package30658 (1.0.0)
    package30659 (1.0.0)
    package30660 (1.0.0)
    package30661 (1.0.0)
    package30662 (1.0.0)
    package30663 (1.0.0)
    package30664 (1.0.0)
    package30665 (1.0.0)
    package30666 (1.0.0)
    package30667 (1.0.0)
    package30668 (1.0.0)
    package30669 (1.0.0)
    package30670 (1.0.0)
    package30671 (1.0.0)
    package30672 (1.0.0)
    package30673 (1.0.0)
    package30674 (1.0.0)
    package30675 (1.0.0)
    package30676 (1.0.0)
    package30677 (1.0.0)
    package30678 (1.0.0)
    package30679 (1.0.0)
    package30680 (1.0.0)
    package30681 (1.0.0)
    package30682 (1.0.0)
    package30683 (1.0.0)
    package30684 (1.0.0)
    package30685 (1.0.0)
    package30686 (1.0.0)
    package30687 (1.0.0)
    package30688 (1.0.0)
    package30689 (1.0.0)
    package30690 (1.0.0)
    package30691 (1.0.0)
    package30692 (1.0.0)
    package30693 (1.0.0)
    package30694 (1.0.0)
    package30695 (1.0.0)
    package30696 (1.0.0)
    package30697 (1.0.0)
    package30698 (1.0.0)
    package30699 (1.0.0)
    package30700 (1.0.0)
    package30701 (1.0.0)
    package30702 (1.0.0)
    package30703 (1.0.0)
    package30704 (1.0.0)
    package30705 (1.0.0)
    package30706 (1.0.0)
    package30707 (1.0.0)
    package30708 (1.0.0)
    package30709 (1.0.0)
    package30710 (1.0.0)
    package30711 (1.0.0)
    package30712 (1.0.0)
    package30713 (1.0.0)
    package30714 (1.0.0)
    package30715 (1.0.0)
    package30716 (1.0.0)
    package30717 (1.0.0)
    package30718 (1.0.0)
    package30719 (1.0.0)
    package30720 (1.0.0)
    package30721 (1.0.0)
    package30722 (1.0.0)
    package30723 (1.0.0)
    package30724 (1.0.0)
    package30725 (1.0.0)
    package30726 (1.0.0)
    package30727 (1.0.0)
    package30728 (1.0.0)
    package30729 (1.0.0)
    package30730 (1.0.0)
    package30731 (1.0.0)
    package30732 (1.0.0)
    package30733 (1.0.0)
    package30734 (1.0.0)
    package30735 (1.0.0)
    package30736 (1.0.0)
    package30737 (1.0.0)
    package30738 (1.0.0)
    package30739 (1.0.0)
    package30740 (1.0.0)
    package30741 (1.0.0)
    package30742 (1.0.0)
    package30743 (1.0.0)
    package30744 (1.0.0)
    package30745 (1.0.0)
    package30746 (1.0.0)
    package30747 (1.0.0)
    package30748 (1.0.0)
    package30749 (1.0.0)
    package30750 (1.0.0)
    package30751 (1.0.0)
    package30752 (1.0.0)
    package30753 (1.0.0)
    package30754 (1.0.0)
    package30755 (1.0.0)
    package30756 (1.0.0)
    package30757 (1.0.0)
    package30758 (1.0.0)
    package30759 (1.0.0)
    package30760 (1.0.0)
    package30761 (1.0.0)
    package30762 (1.0.0)
    package30763 (1.0.0)
    package30764 (1.0.0)
    package30765 (1.0.0)
    package30766 (1.0.0)
    package30767 (1.0.0)
    package30768 (1.0.0)
    package30769 (1.0.0)
    package30770 (1.0.0)
    package30771 (1.0.0)
    package30772 (1.0.0)
    package30773 (1.0.0)
    package30774 (1.0.0)
    package30775 (1.0.0)
    package30776 (1.0.0)
    package30777 (1.0.0)
    package30778 (1.0.0)
    package30779 (1.0.0)
    package30780 (1.0.0)
    package30781 (1.0.0)
    package30782 (1.0.0)
    package30783 (1.0.0)
    package30784 (1.0.0)
    package30785 (1.0.0)
    package30786 (1.0.0)
    package30787 (1.0.0)
    package30788 (1.0.0)
    package30789 (1.0.0)
    package30790 (1.0.0)
    package30791 (1.0.0)
    package30792 (1.0.0)
    package30793 (1.0.0)
    package30794 (1.0.0)
    package30795 (1.0.0)
    package30796 (1.0.0)
    package30797 (1.0.0)
    package30798 (1.0.0)
    package30799 (1.0.0)
    package30800 (1.0.0)
    package30801 (1.0.0)
    package30802 (1.0.0)
    package30803 (1.0.0)
    package30804 (1.0.0)
    package30805 (1.0.0)
    package30806 (1.0.0)
    package30807 (1.0.0)
    package30808 (1.0.0)
    package30809 (1.0.0)
    package30810 (1.0.0)
    package30811 (1.0.0)
    package30812 (1.0.0)
    package30813 (1.0.0)
    package30814 (1.0.0)
    package30815 (1.0.0)
    package30816 (1.0.0)
    package30817 (1.0.0)
    package30818 (1.0.0)
    package30819 (1.0.0)
    package30820 (1.0.0)
    package30821 (1.0.0)
    package30822 (1.0.0)
    package30823 (1.0.0)
    package30824 (1.0.0)
    package30825 (1.0.0)
    package30826 (1.0.0)
    package30827 (1.0.0)
    package30828 (1.0.0)
    package30829 (1.0.0)
    package30830 (1.0.0)
    package30831 (1.0.0)
    package30832 (1.0.0)
    package30833 (1.0.0)
    package30834 (1.0.0)
    package30835 (1.0.0)
    package30836 (1.0.0)
    package30837 (1.0.0)
    package30838 (1.0.0)
    package30839 (1.0.0)
    package30840 (1.0.0)
    package30841 (1.0.0)
    package30842 (1.0.0)
    package30843 (1.0.0)
    package30844 (1.0.0)
    package30845 (1.0.0)
    package30846 (1.0.0)
    package30847 (1.0.0)
    package30848 (1.0.0)
    package30849 (1.0.0)
    package30850 (1.0.0)
    package30851 (1.0.0)
    package30852 (1.0.0)
    package30853 (1.0.0)
    package30854 (1.0.0)
    package30855 (1.0.0)
    package30856 (1.0.0)
    package30857 (1.0.0)
    package30858 (1.0.0)
    package30859 (1.0.0)
    package30860 (1.0.0)
    package30861 (1.0.0)
    package30862 (1.0.0)
    package30863 (1.0.0)
    package30864 (1.0.0)
    package30865 (1.0.0)
    package30866 (1.0.0)
    package30867 (1.0.0)
    package30868 (1.0.0)
    package30869 (1.0.0)
    package30870 (1.0.0)
    package30871 (1.0.0)
    package30872 (1.0.0)
    package30873 (1.0.0)
    package30874 (1.0.0)
    package30875 (1.0.0)
    package30876 (1.0.0)
    package30877 (1.0.0)
    package30878 (1.0.0)
    package30879 (1.0.0)
    package30880 (1.0.0)
    package30881 (1.0.0)
    package30882 (1.0.0)
    package30883 (1.0.0)
    package30884 (1.0.0)
    package30885 (1.0.0)
    package30886 (1.0.0)
    package30887 (1.0.0)
    package30888 (1.0.0)
    package30889 (1.0.0)
    package30890 (1.0.0)
    package30891 (1.0.0)
    package30892 (1.0.0)
    package30893 (1.0.0)
    package30894 (1.0.0)
    package30895 (1.0.0)
    package30896 (1.0.0)
    package30897 (1.0.0)
    package30898 (1.0.0)
    package30899 (1.0.0)
    package30900 (1.0.0)
    package30901 (1.0.0)
    package30902 (1.0.0)
    package30903 (1.0.0)
    package30904 (1.0.0)
    package30905 (1.0.0)
    package30906 (1.0.0)
    package30907 (1.0.0)
    package30908 (1.0.0)
    package30909 (1.0.0)
    package30910 (1.0.0)
    package30911 (1.0.0)
    package30912 (1.0.0)
    package30913 (1.0.0)
    package30914 (1.0.0)
    package30915 (1.0.0)
    package30916 (1.0.0)
    package30917 (1.0.0)
    package30918 (1.0.0)
    package30919 (1.0.0)
    package30920 (1.0.0)
    package30921 (1.0.0)
    package30922 (1.0.0)
    package30923 (1.0.0)
    package30924 (1.0.0)
    package30925 (1.0.0)
    package30926 (1.0.0)
    package30927 (1.0.0)
    package30928 (1.0.0)
    package30929 (1.0.0)
    package30930 (1.0.0)
    package30931 (1.0.0)
    package30932 (1.0.0)
    package30933 (1.0.0)
    package30934 (1.0.0)
    package30935 (1.0.0)
    package30936 (1.0.0)
    package30937 (1.0.0)
    package30938 (1.0.0)
    package30939 (1.0.0)
    package30940 (1.0.0)
    package30941 (1.0.0)
    package30942 (1.0.0)
    package30943 (1.0.0)
    package30944 (1.0.0)
    package30945 (1.0.0)
    package30946 (1.0.0)
    package30947 (1.0.0)
    package30948 (1.0.0)
    package30949 (1.0.0)
    package30950 (1.0.0)
    package30951 (1.0.0)
    package30952 (1.0.0)
    package30953 (1.0.0)
    package30954 (1.0.0)
    package30955 (1.0.0)
    package30956 (1.0.0)
    package30957 (1.0.0)
    package30958 (1.0.0)
    package30959 (1.0.0)
    package30960 (1.0.0)
    package30961 (1.0.0)
    package30962 (1.0.0)
    package30963 (1.0.0)
    package30964 (1.0.0)
    package30965 (1.0.0)
    package30966 (1.0.0)
    package30967 (1.0.0)
    package30968 (1.0.0)
    package30969 (1.0.0)
    package30970 (1.0.0)
    package30971 (1.0.0)
    package30972 (1.0.0)
    package30973 (1.0.0)
    package30974 (1.0.0)
    package30975 (1.0.0)
    package30976 (1.0.0)
    package30977 (1.0.0)
    package30978 (1.0.0)
    package30979 (1.0.0)
    package30980 (1.0.0)
    package30981 (1.0.0)
    package30982 (1.0.0)
    package30983 (1.0.0)
    package30984 (1.0.0)
    package30985 (1.0.0)
    package30986 (1.0.0)
    package30987 (1.0.0)
    package30988 (1.0.0)
    package30989 (1.0.0)
    package30990 (1.0.0)
    package30991 (1.0.0)
    package30992 (1.0.0)
    package30993 (1.0.0)
    package30994 (1.0.0)
    package30995 (1.0.0)
    package30996 (1.0.0)
    package30997 (1.0.0)
    package30998 (1.0.0)
    package30999 (1.0.0)
    package31000 (1.0.0)
    package31001 (1.0.0)
    package31002 (1.0.0)
    package31003 (1.0.0)
    package31004 (1.0.0)
    package31005 (1.0.0)
    package31006 (1.0.0)
    package31007 (1.0.0)
    package31008 (1.0.0)
    package31009 (1.0.0)
    package31010 (1.0.0)
    package31011 (1.0.0)
    package31012 (1.0.0)
    package31013 (1.0.0)
    package31014 (1.0.0)
    package31015 (1.0.0)
    package31016 (1.0.0)
    package31017 (1.0.0)
    package31018 (1.0.0)
    package31019 (1.0.0)
    package31020 (1.0.0)
    package31021 (1.0.0)
    package31022 (1.0.0)
    package31023 (1.0.0)
    package31024 (1.0.0)
    package31025 (1.0.0)
    package31026 (1.0.0)
    package31027 (1.0.0)
    package31028 (1.0.0)
    package31029 (1.0.0)
    package31030 (1.0.0)
    package31031 (1.0.0)
    package31032 (1.0.0)
    package31033 (1.0.0)
    package31034 (1.0.0)
    package31035 (1.0.0)
    package31036 (1.0.0)
    package31037 (1.0.0)
    package31038 (1.0.0)
    package31039 (1.0.0)
    package31040 (1.0.0)
    package31041 (1.0.0)
    package31042 (1.0.0)
    package31043 (1.0.0)
    package31044 (1.0.0)
    package31045 (1.0.0)
    package31046 (1.0.0)
    package31047 (1.0.0)
    package31048 (1.0.0)
    package31049 (1.0.0)
    package31050 (1.0.0)
    package31051 (1.0.0)
    package31052 (1.0.0)
    package31053 (1.0.0)
    package31054 (1.0.0)
    package31055 (1.0.0)
    package31056 (1.0.0)
    package31057 (1.0.0)
    package31058 (1.0.0)
    package31059 (1.0.0)
    package31060 (1.0.0)
    package31061 (1.0.0)
    package31062 (1.0.0)
    package31063 (1.0.0)
    package31064 (1.0.0)
    package31065 (1.0.0)
    package31066 (1.0.0)
    package31067 (1.0.0)
    package31068 (1.0.0)
    package31069 (1.0.0)
    package31070 (1.0.0)
    package31071 (1.0.0)
    package31072 (1.0.0)
    package31073 (1.0.0)
    package31074 (1.0.0)
    package31075 (1.0.0)
    package31076 (1.0.0)
    package31077 (1.0.0)
    package31078 (1.0.0)
    package31079 (1.0.0)
    package31080 (1.0.0)
    package31081 (1.0.0)
    package31082 (1.0.0)
    package31083 (1.0.0)
    package31084 (1.0.0)
    package31085 (1.0.0)
    package31086 (1.0.0)
    package31087 (1.0.0)
    package31088 (1.0.0)
    package31089 (1.0.0)
    package31090 (1.0.0)
    package31091 (1.0.0)
    package31092 (1.0.0)
    package31093 (1.0.0)
    package31094 (1.0.0)
    package31095 (1.0.0)
    package31096 (1.0.0)
    package31097 (1.0.0)
    package31098 (1.0.0)
    package31099 (1.0.0)
    package31100 (1.0.0)
    package31101 (1.0.0)
    package31102 (1.0.0)
    package31103 (1.0.0)
    package31104 (1.0.0)
    package31105 (1.0.0)
    package31106 (1.0.0)
    package31107 (1.0.0)
    package31108 (1.0.0)
    package31109 (1.0.0)
    package31110 (1.0.0)
    package31111 (1.0.0)
    package31112 (1.0.0)
    package31113 (1.0.0)
    package31114 (1.0.0)
    package31115 (1.0.0)
    package31116 (1.0.0)
    package31117 (1.0.0)
    package31118 (1.0.0)
    package31119 (1.0.0)
    package31120 (1.0.0)
    package31121 (1.0.0)
    package31122 (1.0.0)
    package31123 (1.0.0)
    package31124 (1.0.0)
    package31125 (1.0.0)
    package31126 (1.0.0)
    package31127 (1.0.0)
    package31128 (1.0.0)
    package31129 (1.0.0)
    package31130 (1.0.0)
    package31131 (1.0.0)
    package31132 (1.0.0)
    package31133 (1.0.0)
    package31134 (1.0.0)
    package31135 (1.0.0)
    package31136 (1.0.0)
    package31137 (1.0.0)
    package31138 (1.0.0)
    package31139 (1.0.0)
    package31140 (1.0.0)
    package31141 (1.0.0)
    package31142 (1.0.0)
    package31143 (1.0.0)
    package31144 (1.0.0)
    package31145 (1.0.0)
    package31146 (1.0.0)
    package31147 (1.0.0)
    package31148 (1.0.0)
    package31149 (1.0.0)
    package31150 (1.0.0)
    package31151 (1.0.0)
    package31152 (1.0.0)
    package31153 (1.0.0)
    package31154 (1.0.0)
    package31155 (1.0.0)
    package31156 (1.0.0)
    package31157 (1.0.0)
    package31158 (1.0.0)
    package31159 (1.0.0)
    package31160 (1.0.0)
    package31161 (1.0.0)
    package31162 (1.0.0)
    package31163 (1.0.0)
    package31164 (1.0.0)
    package31165 (1.0.0)
    package31166 (1.0.0)
    package31167 (1.0.0)
    package31168 (1.0.0)
    package31169 (1.0.0)
    package31170 (1.0.0)
    package31171 (1.0.0)
    package31172 (1.0.0)
    package31173 (1.0.0)
    package31174 (1.0.0)
    package31175 (1.0.0)
    package31176 (1.0.0)
    package31177 (1.0.0)
    package31178 (1.0.0)
    package31179 (1.0.0)
    package31180 (1.0.0)
    package31181 (1.0.0)
    package31182 (1.0.0)
    package31183 (1.0.0)
    package31184 (1.0.0)
    package31185 (1.0.0)
    package31186 (1.0.0)
    package31187 (1.0.0)
    package31188 (1.0.0)
    package31189 (1.0.0)
    package31190 (1.0.0)
    package31191 (1.0.0)
    package31192 (1.0.0)
    package31193 (1.0.0)
    package31194 (1.0.0)
    package31195 (1.0.0)
    package31196 (1.0.0)
    package31197 (1.0.0)
    package31198 (1.0.0)
    package31199 (1.0.0)
    package31200 (1.0.0)
    package31201 (1.0.0)
    package31202 (1.0.0)
    package31203 (1.0.0)
    package31204 (1.0.0)
    package31205 (1.0.0)
    package31206 (1.0.0)
    package31207 (1.0.0)
    package31208 (1.0.0)
    package31209 (1.0.0)
    package31210 (1.0.0)
    package31211 (1.0.0)
    package31212 (1.0.0)
    package31213 (1.0.0)
    package31214 (1.0.0)
    package31215 (1.0.0)
    package31216 (1.0.0)
    package31217 (1.0.0)
    package31218 (1.0.0)
    package31219 (1.0.0)
    package31220 (1.0.0)
    package31221 (1.0.0)
    package31222 (1.0.0)
    package31223 (1.0.0)
    package31224 (1.0.0)
    package31225 (1.0.0)
    package31226 (1.0.0)
    package31227 (1.0.0)
    package31228 (1.0.0)
    package31229 (1.0.0)
    package31230 (1.0.0)
    package31231 (1.0.0)
    package31232 (1.0.0)
    package31233 (1.0.0)
    package31234 (1.0.0)
    package31235 (1.0.0)
    package31236 (1.0.0)
    package31237 (1.0.0)
    package31238 (1.0.0)
    package31239 (1.0.0)
    package31240 (1.0.0)
    package31241 (1.0.0)
    package31242 (1.0.0)
    package31243 (1.0.0)
    package31244 (1.0.0)
    package31245 (1.0.0)
    package31246 (1.0.0)
    package31247 (1.0.0)
    package31248 (1.0.0)
    package31249 (1.0.0)
    package31250 (1.0.0)
    package31251 (1.0.0)
    package31252 (1.0.0)
    package31253 (1.0.0)
    package31254 (1.0.0)
    package31255 (1.0.0)
    package31256 (1.0.0)
    package31257 (1.0.0)
    package31258 (1.0.0)
    package31259 (1.0.0)
    package31260 (1.0.0)
    package31261 (1.0.0)
    package31262 (1.0.0)
    package31263 (1.0.0)
    package31264 (1.0.0)
    package31265 (1.0.0)
    package31266 (1.0.0)
    package31267 (1.0.0)
    package31268 (1.0.0)
    package31269 (1.0.0)
    package31270 (1.0.0)
    package31271 (1.0.0)
    package31272 (1.0.0)
    package31273 (1.0.0)
    package31274 (1.0.0)
    package31275 (1.0.0)
    package31276 (1.0.0)
    package31277 (1.0.0)
    package31278 (1.0.0)
    package31279 (1.0.0)
    package31280 (1.0.0)
    package31281 (1.0.0)
    package31282 (1.0.0)
    package31283 (1.0.0)
    package31284 (1.0.0)
    package31285 (1.0.0)
    package31286 (1.0.0)
    package31287 (1.0.0)
    package31288 (1.0.0)
    package31289 (1.0.0)
    package31290 (1.0.0)
    package31291 (1.0.0)
    package31292 (1.0.0)
    package31293 (1.0.0)
    package31294 (1.0.0)
    package31295 (1.0.0)
    package31296 (1.0.0)
    package31297 (1.0.0)
    package31298 (1.0.0)
    package31299 (1.0.0)
    package31300 (1.0.0)
    package31301 (1.0.0)
    package31302 (1.0.0)
    package31303 (1.0.0)
    package31304 (1.0.0)
    package31305 (1.0.0)
    package31306 (1.0.0)
    package31307 (1.0.0)
    package31308 (1.0.0)
    package31309 (1.0.0)
    package31310 (1.0.0)
    package31311 (1.0.0)
    package31312 (1.0.0)
    package31313 (1.0.0)
    package31314 (1.0.0)
    package31315 (1.0.0)
    package31316 (1.0.0)
    package31317 (1.0.0)
    package31318 (1.0.0)
    package31319 (1.0.0)
    package31320 (1.0.0)
    package31321 (1.0.0)
    package31322 (1.0.0)
    package31323 (1.0.0)
    package31324 (1.0.0)
    package31325 (1.0.0)
    package31326 (1.0.0)
    package31327 (1.0.0)
    package31328 (1.0.0)
    package31329 (1.0.0)
    package31330 (1.0.0)
    package31331 (1.0.0)
    package31332 (1.0.0)
    package31333 (1.0.0)
    package31334 (1.0.0)
    package31335 (1.0.0)
    package31336 (1.0.0)
    package31337 (1.0.0)
    package31338 (1.0.0)
    package31339 (1.0.0)
    package31340 (1.0.0)
    package31341 (1.0.0)
    package31342 (1.0.0)
    package31343 (1.0.0)
    package31344 (1.0.0)
    package31345 (1.0.0)
    package31346 (1.0.0)
    package31347 (1.0.0)
    package31348 (1.0.0)
    package31349 (1.0.0)
    package31350 (1.0.0)
    package31351 (1.0.0)
    package31352 (1.0.0)
    package31353 (1.0.0)
    package31354 (1.0.0)
    package31355 (1.0.0)
    package31356 (1.0.0)
    package31357 (1.0.0)
    package31358 (1.0.0)
    package31359 (1.0.0)
    package31360 (1.0.0)
    package31361 (1.0.0)
    package31362 (1.0.0)
    package31363 (1.0.0)
    package31364 (1.0.0)
    package31365 (1.0.0)
    package31366 (1.0.0)
    package31367 (1.0.0)
    package31368 (1.0.0)
    package31369 (1.0.0)
    package31370 (1.0.0)
    package31371 (1.0.0)
    package31372 (1.0.0)
    package31373 (1.0.0)
    package31374 (1.0.0)
    package31375 (1.0.0)
    package31376 (1.0.0)
    package31377 (1.0.0)
    package31378 (1.0.0)
    package31379 (1.0.0)
    package31380 (1.0.0)
    package31381 (1.0.0)
    package31382 (1.0.0)
    package31383 (1.0.0)
    package31384 (1.0.0)
    package31385 (1.0.0)
    package31386 (1.0.0)
    package31387 (1.0.0)
    package31388 (1.0.0)
    package31389 (1.0.0)
    package31390 (1.0.0)
    package31391 (1.0.0)
    package31392 (1.0.0)
    package31393 (1.0.0)
    package31394 (1.0.0)
    package31395 (1.0.0)
    package31396 (1.0.0)
    package31397 (1.0.0)
    package31398 (1.0.0)
    package31399 (1.0.0)
    package31400 (1.0.0)
    package31401 (1.0.0)
    package31402 (1.0.0)
    package31403 (1.0.0)
    package31404 (1.0.0)
    package31405 (1.0.0)
    package31406 (1.0.0)
    package31407 (1.0.0)
    package31408 (1.0.0)
    package31409 (1.0.0)
    package31410 (1.0.0)
    package31411 (1.0.0)
    package31412 (1.0.0)
    package31413 (1.0.0)
    package31414 (1.0.0)
    package31415 (1.0.0)
    package31416 (1.0.0)
    package31417 (1.0.0)
    package31418 (1.0.0)
    package31419 (1.0.0)
    package31420 (1.0.0)
    package31421 (1.0.0)
    package31422 (1.0.0)
    package31423 (1.0.0)
    package31424 (1.0.0)
    package31425 (1.0.0)
    package31426 (1.0.0)
    package31427 (1.0.0)
    package31428 (1.0.0)
    package31429 (1.0.0)
    package31430 (1.0.0)
    package31431 (1.0.0)
    package31432 (1.0.0)
    package31433 (1.0.0)
    package31434 (1.0.0)
    package31435 (1.0.0)
    package31436 (1.0.0)
    package31437 (1.0.0)
    package31438 (1.0.0)
    package31439 (1.0.0)
    package31440 (1.0.0)
    package31441 (1.0.0)
    package31442 (1.0.0)
    package31443 (1.0.0)
    package31444 (1.0.0)
    package31445 (1.0.0)
    package31446 (1.0.0)
    package31447 (1.0.0)
    package31448 (1.0.0)
    package31449 (1.0.0)
    package31450 (1.0.0)
    package31451 (1.0.0)
    package31452 (1.0.0)
    package31453 (1.0.0)
    package31454 (1.0.0)
    package31455 (1.0.0)
    package31456 (1.0.0)
    package31457 (1.0.0)
    package31458 (1.0.0)
    package31459 (1.0.0)
    package31460 (1.0.0)
    package31461 (1.0.0)
    package31462 (1.0.0)
    package31463 (1.0.0)
    package31464 (1.0.0)
    package31465 (1.0.0)
    package31466 (1.0.0)
    package31467 (1.0.0)
    package31468 (1.0.0)
    package31469 (1.0.0)
    package31470 (1.0.0)
    package31471 (1.0.0)
    package31472 (1.0.0)
    package31473 (1.0.0)
    package31474 (1.0.0)
    package31475 (1.0.0)
    package31476 (1.0.0)
    package31477 (1.0.0)
    package31478 (1.0.0)
    package31479 (1.0.0)
    package31480 (1.0.0)
    package31481 (1.0.0)
    package31482 (1.0.0)
    package31483 (1.0.0)
    package31484 (1.0.0)
    package31485 (1.0.0)
    package31486 (1.0.0)
    package31487 (1.0.0)
    package31488 (1.0.0)
    package31489 (1.0.0)
    package31490 (1.0.0)
    package31491 (1.0.0)
    package31492 (1.0.0)
    package31493 (1.0.0)
    package31494 (1.0.0)
    package31495 (1.0.0)
    package31496 (1.0.0)
    package31497 (1.0.0)
    package31498 (1.0.0)
    package31499 (1.0.0)
    package31500 (1.0.0)
    package31501 (1.0.0)
    package31502 (1.0.0)
    package31503 (1.0.0)
    package31504 (1.0.0)
    package31505 (1.0.0)
    package31506 (1.0.0)
    package31507 (1.0.0)
    package31508 (1.0.0)
    package31509 (1.0.0)
    package31510 (1.0.0)
    package31511 (1.0.0)
    package31512 (1.0.0)
    package31513 (1.0.0)
    package31514 (1.0.0)
    package31515 (1.0.0)
    package31516 (1.0.0)
    package31517 (1.0.0)
    package31518 (1.0.0)
    package31519 (1.0.0)
    package31520 (1.0.0)
    package31521 (1.0.0)
    package31522 (1.0.0)
    package31523 (1.0.0)
    package31524 (1.0.0)
    package31525 (1.0.0)
    package31526 (1.0.0)
    package31527 (1.0.0)
    package31528 (1.0.0)
    package31529 (1.0.0)
    package31530 (1.0.0)
    package31531 (1.0.0)
    package31532 (1.0.0)
    package31533 (1.0.0)
    package31534 (1.0.0)
    package31535 (1.0.0)
    package31536 (1.0.0)
    package31537 (1.0.0)
    package31538 (1.0.0)
    package31539 (1.0.0)
    package31540 (1.0.0)
    package31541 (1.0.0)
    package31542 (1.0.0)
    package31543 (1.0.0)
    package31544 (1.0.0)
    package31545 (1.0.0)
    package31546 (1.0.0)
    package31547 (1.0.0)
    package31548 (1.0.0)
    package31549 (1.0.0)
    package31550 (1.0.0)
    package31551 (1.0.0)
    package31552 (1.0.0)
    package31553 (1.0.0)
    package31554 (1.0.0)
    package31555 (1.0.0)
    package31556 (1.0.0)
    package31557 (1.0.0)
    package31558 (1.0.0)
    package31559 (1.0.0)
    package31560 (1.0.0)
    package31561 (1.0.0)
    package31562 (1.0.0)
    package31563 (1.0.0)
    package31564 (1.0.0)
    package31565 (1.0.0)
    package31566 (1.0.0)
    package31567 (1.0.0)
    package31568 (1.0.0)
    package31569 (1.0.0)
    package31570 (1.0.0)
    package31571 (1.0.0)
    package31572 (1.0.0)
    package31573 (1.0.0)
    package31574 (1.0.0)
    package31575 (1.0.0)
    package31576 (1.0.0)
    package31577 (1.0.0)
    package31578 (1.0.0)
    package31579 (1.0.0)
    package31580 (1.0.0)
    package31581 (1.0.0)
    package31582 (1.0.0)
    package31583 (1.0.0)
    package31584 (1.0.0)
    package31585 (1.0.0)
    package31586 (1.0.0)
    package31587 (1.0.0)
    package31588 (1.0.0)
    package31589 (1.0.0)
    package31590 (1.0.0)
    package31591 (1.0.0)
    package31592 (1.0.0)
    package31593 (1.0.0)
    package31594 (1.0.0)
    package31595 (1.0.0)
    package31596 (1.0.0)
    package31597 (1.0.0)
    package31598 (1.0.0)
    package31599 (1.0.0)
    package31600 (1.0.0)
    package31601 (1.0.0)
    package31602 (1.0.0)
    package31603 (1.0.0)
    package31604 (1.0.0)
    package31605 (1.0.0)
    package31606 (1.0.0)
    package31607 (1.0.0)
    package31608 (1.0.0)
    package31609 (1.0.0)
    package31610 (1.0.0)
    package31611 (1.0.0)
    package31612 (1.0.0)
    package31613 (1.0.0)
    package31614 (1.0.0)
    package31615 (1.0.0)
    package31616 (1.0.0)
    package31617 (1.0.0)
    package31618 (1.0.0)
    package31619 (1.0.0)
    package31620 (1.0.0)
    package31621 (1.0.0)
    package31622 (1.0.0)
    package31623 (1.0.0)
    package31624 (1.0.0)
    package31625 (1.0.0)
    package31626 (1.0.0)
    package31627 (1.0.0)
    package31628 (1.0.0)
    package31629 (1.0.0)
    package31630 (1.0.0)
    package31631 (1.0.0)
    package31632 (1.0.0)
    package31633 (1.0.0)
    package31634 (1.0.0)
    package31635 (1.0.0)
    package31636 (1.0.0)
    package31637 (1.0.0)
    package31638 (1.0.0)
    package31639 (1.0.0)
    package31640 (1.0.0)
    package31641 (1.0.0)
    package31642 (1.0.0)
    package31643 (1.0.0)
    package31644 (1.0.0)
    package31645 (1.0.0)
    package31646 (1.0.0)
    package31647 (1.0.0)
    package31648 (1.0.0)
    package31649 (1.0.0)
    package31650 (1.0.0)
    package31651 (1.0.0)
    package31652 (1.0.0)
    package31653 (1.0.0)
    package31654 (1.0.0)
    package31655 (1.0.0)
    package31656 (1.0.0)
    package31657 (1.0.0)
    package31658 (1.0.0)
    package31659 (1.0.0)
    package31660 (1.0.0)
    package31661 (1.0.0)
    package31662 (1.0.0)
    package31663 (1.0.0)
    package31664 (1.0.0)
    package31665 (1.0.0)
    package31666 (1.0.0)
    package31667 (1.0.0)
    package31668 (1.0.0)
    package31669 (1.0.0)
    package31670 (1.0.0)
    package31671 (1.0.0)
    package31672 (1.0.0)
    package31673 (1.0.0)
    package31674 (1.0.0)
    package31675 (1.0.0)
    package31676 (1.0.0)
    package31677 (1.0.0)
    package31678 (1.0.0)
    package31679 (1.0.0)
    package31680 (1.0.0)
    package31681 (1.0.0)
    package31682 (1.0.0)
    package31683 (1.0.0)
    package31684 (1.0.0)
    package31685 (1.0.0)
    package31686 (1.0.0)
    package31687 (1.0.0)
    package31688 (1.0.0)
    package31689 (1.0.0)
    package31690 (1.0.0)
    package31691 (1.0.0)
    package31692 (1.0.0)
    package31693 (1.0.0)
    package31694 (1.0.0)
    package31695 (1.0.0)
    package31696 (1.0.0)
    package31697 (1.0.0)
    package31698 (1.0.0)
    package31699 (1.0.0)
    package31700 (1.0.0)
    package31701 (1.0.0)
    package31702 (1.0.0)
    package31703 (1.0.0)
    package31704 (1.0.0)
    package31705 (1.0.0)
    package31706 (1.0.0)
    package31707 (1.0.0)
    package31708 (1.0.0)
    package31709 (1.0.0)
    package31710 (1.0.0)
    package31711 (1.0.0)
    package31712 (1.0.0)
    package31713 (1.0.0)
    package31714 (1.0.0)
    package31715 (1.0.0)
    package31716 (1.0.0)
    package31717 (1.0.0)
    package31718 (1.0.0)
    package31719 (1.0.0)
    package31720 (1.0.0)
    package31721 (1.0.0)
    package31722 (1.0.0)
    package31723 (1.0.0)
    package31724 (1.0.0)
    package31725 (1.0.0)
    package31726 (1.0.0)
    package31727 (1.0.0)
    package31728 (1.0.0)
    package31729 (1.0.0)
    package31730 (1.0.0)
    package31731 (1.0.0)
    package31732 (1.0.0)
    package31733 (1.0.0)
    package31734 (1.0.0)
    package31735 (1.0.0)
    package31736 (1.0.0)
    package31737 (1.0.0)
    package31738 (1.0.0)
    package31739 (1.0.0)
    package31740 (1.0.0)
    package31741 (1.0.0)
    package31742 (1.0.0)
    package31743 (1.0.0)
    package31744 (1.0.0)
    package31745 (1.0.0)
    package31746 (1.0.0)
    package31747 (1.0.0)
    package31748 (1.0.0)
    package31749 (1.0.0)
    package31750 (1.0.0)
    package31751 (1.0.0)
    package31752 (1.0.0)
    package31753 (1.0.0)
    package31754 (1.0.0)
    package31755 (1.0.0)
    package31756 (1.0.0)
    package31757 (1.0.0)
    package31758 (1.0.0)
    package31759 (1.0.0)
    package31760 (1.0.0)
    package31761 (1.0.0)
    package31762 (1.0.0)
    package31763 (1.0.0)
    package31764 (1.0.0)
    package31765 (1.0.0)
    package31766 (1.0.0)
    package31767 (1.0.0)
    package31768 (1.0.0)
    package31769 (1.0.0)
    package31770 (1.0.0)
    package31771 (1.0.0)
    package31772 (1.0.0)
    package31773 (1.0.0)
    package31774 (1.0.0)
    package31775 (1.0.0)
    package31776 (1.0.0)
    package31777 (1.0.0)
    package31778 (1.0.0)
    package31779 (1.0.0)
    package31780 (1.0.0)
    package31781 (1.0.0)
    package31782 (1.0.0)
    package31783 (1.0.0)
    package31784 (1.0.0)
    package31785 (1.0.0)
    package31786 (1.0.0)
    package31787 (1.0.0)
    package31788 (1.0.0)
    package31789 (1.0.0)
    package31790 (1.0.0)
    package31791 (1.0.0)
    package31792 (1.0.0)
    package31793 (1.0.0)
    package31794 (1.0.0)
    package31795 (1.0.0)
    package31796 (1.0.0)
    package31797 (1.0.0)
    package31798 (1.0.0)
    package31799 (1.0.0)
    package31800 (1.0.0)
    package31801 (1.0.0)
    package31802 (1.0.0)
    package31803 (1.0.0)
    package31804 (1.0.0)
    package31805 (1.0.0)
    package31806 (1.0.0)
    package31807 (1.0.0)
    package31808 (1.0.0)
    package31809 (1.0.0)
    package31810 (1.0.0)
    package31811 (1.0.0)
    package31812 (1.0.0)
    package31813 (1.0.0)
    package31814 (1.0.0)
    package31815 (1.0.0)
    package31816 (1.0.0)
    package31817 (1.0.0)
    package31818 (1.0.0)
    package31819 (1.0.0)
    package31820 (1.0.0)
    package31821 (1.0.0)
    package31822 (1.0.0)
    package31823 (1.0.0)
    package31824 (1.0.0)
    package31825 (1.0.0)
    package31826 (1.0.0)
    package31827 (1.0.0)
    package31828 (1.0.0)
    package31829 (1.0.0)
    package31830 (1.0.0)
    package31831 (1.0.0)
    package31832 (1.0.0)
    package31833 (1.0.0)
    package31834 (1.0.0)
    package31835 (1.0.0)
    package31836 (1.0.0)
    package31837 (1.0.0)
    package31838 (1.0.0)
    package31839 (1.0.0)
    package31840 (1.0.0)
    package31841 (1.0.0)
    package31842 (1.0.0)
    package31843 (1.0.0)
    package31844 (1.0.0)
    package31845 (1.0.0)
    package31846 (1.0.0)
    package31847 (1.0.0)
    package31848 (1.0.0)
    package31849 (1.0.0)
    package31850 (1.0.0)
    package31851 (1.0.0)
    package31852 (1.0.0)
    package31853 (1.0.0)
    package31854 (1.0.0)
    package31855 (1.0.0)
    package31856 (1.0.0)
    package31857 (1.0.0)
    package31858 (1.0.0)
    package31859 (1.0.0)
    package31860 (1.0.0)
    package31861 (1.0.0)
    package31862 (1.0.0)
    package31863 (1.0.0)
    package31864 (1.0.0)
    package31865 (1.0.0)
    package31866 (1.0.0)
    package31867 (1.0.0)
    package31868 (1.0.0)
    package31869 (1.0.0)
    package31870 (1.0.0)
    package31871 (1.0.0)
    package31872 (1.0.0)
    package31873 (1.0.0)
    package31874 (1.0.0)
    package31875 (1.0.0)
    package31876 (1.0.0)
    package31877 (1.0.0)
    package31878 (1.0.0)
    package31879 (1.0.0)
    package31880 (1.0.0)
    package31881 (1.0.0)
    package31882 (1.0.0)
    package31883 (1.0.0)
    package31884 (1.0.0)
    package31885 (1.0.0)
    package31886 (1.0.0)
    package31887 (1.0.0)
    package31888 (1.0.0)
    package31889 (1.0.0)
    package31890 (1.0.0)
    package31891 (1.0.0)
    package31892 (1.0.0)
    package31893 (1.0.0)
    package31894 (1.0.0)
    package31895 (1.0.0)
    package31896 (1.0.0)
    package31897 (1.0.0)
    package31898 (1.0.0)
    package31899 (1.0.0)
    package31900 (1.0.0)
    package31901 (1.0.0)
    package31902 (1.0.0)
    package31903 (1.0.0)
    package31904 (1.0.0)
    package31905 (1.0.0)
    package31906 (1.0.0)
    package31907 (1.0.0)
    package31908 (1.0.0)
    package31909 (1.0.0)
    package31910 (1.0.0)
    package31911 (1.0.0)
    package31912 (1.0.0)
    package31913 (1.0.0)
    package31914 (1.0.0)
    package31915 (1.0.0)
    package31916 (1.0.0)
    package31917 (1.0.0)
    package31918 (1.0.0)
    package31919 (1.0.0)
    package31920 (1.0.0)
    package31921 (1.0.0)
    package31922 (1.0.0)
    package31923 (1.0.0)
    package31924 (1.0.0)
    package31925 (1.0.0)
    package31926 (1.0.0)
    package31927 (1.0.0)
    package31928 (1.0.0)
    package31929 (1.0.0)
    package31930 (1.0.0)
    package31931 (1.0.0)
    package31932 (1.0.0)
    package31933 (1.0.0)
    package31934 (1.0.0)
    package31935 (1.0.0)
    package31936 (1.0.0)
    package31937 (1.0.0)
    package31938 (1.0.0)
    package31939 (1.0.0)
    package31940 (1.0.0)
    package31941 (1.0.0)
    package31942 (1.0.0)
    package31943 (1.0.0)
    package31944 (1.0.0)
    package31945 (1.0.0)
    package31946 (1.0.0)
    package31947 (1.0.0)
    package31948 (1.0.0)
    package31949 (1.0.0)
    package31950 (1.0.0)
    package31951 (1.0.0)
    package31952 (1.0.0)
    package31953 (1.0.0)
    package31954 (1.0.0)
    package31955 (1.0.0)
    package31956 (1.0.0)
    package31957 (1.0.0)
    package31958 (1.0.0)
    package31959 (1.0.0)
    package31960 (1.0.0)
    package31961 (1.0.0)
    package31962 (1.0.0)
    package31963 (1.0.0)
    package31964 (1.0.0)
    package31965 (1.0.0)
    package31966 (1.0.0)
    package31967 (1.0.0)
    package31968 (1.0.0)
    package31969 (1.0.0)
    package31970 (1.0.0)
    package31971 (1.0.0)
    package31972 (1.0.0)
    package31973 (1.0.0)
    package31974 (1.0.0)
    package31975 (1.0.0)
    package31976 (1.0.0)
    package31977 (1.0.0)
    package31978 (1.0.0)
    package31979 (1.0.0)
    package31980 (1.0.0)
    package31981 (1.0.0)
    package31982 (1.0.0)
    package31983 (1.0.0)
    package31984 (1.0.0)
    package31985 (1.0.0)
    package31986 (1.0.0)
    package31987 (1.0.0)
    package31988 (1.0.0)
    package31989 (1.0.0)
    package31990 (1.0.0)
    package31991 (1.0.0)
    package31992 (1.0.0)
    package31993 (1.0.0)
    package31994 (1.0.0)
    package31995 (1.0.0)
    package31996 (1.0.0)
    package31997 (1.0.0)
    package31998 (1.0.0)
    package31999 (1.0.0)
    package32000 (1.0.0)
    package32001 (1.0.0)
    package32002 (1.0.0)
    package32003 (1.0.0)
    package32004 (1.0.0)
    package32005 (1.0.0)
    package32006 (1.0.0)
    package32007 (1.0.0)
    package32008 (1.0.0)
    package32009 (1.0.0)
    package32010 (1.0.0)
    package32011 (1.0.0)
    package32012 (1.0.0)
    package32013 (1.0.0)
    package32014 (1.0.0)
    package32015 (1.0.0)
    package32016 (1.0.0)
    package32017 (1.0.0)
    package32018 (1.0.0)
    package32019 (1.0.0)
    package32020 (1.0.0)
    package32021 (1.0.0)
    package32022 (1.0.0)
    package32023 (1.0.0)
    package32024 (1.0.0)
    package32025 (1.0.0)
    package32026 (1.0.0)
    package32027 (1.0.0)
    package32028 (1.0.0)
    package32029 (1.0.0)
    package32030 (1.0.0)
    package32031 (1.0.0)
    package32032 (1.0.0)
    package32033 (1.0.0)
    package32034 (1.0.0)
    package32035 (1.0.0)
    package32036 (1.0.0)
    package32037 (1.0.0)
    package32038 (1.0.0)
    package32039 (1.0.0)
    package32040 (1.0.0)
    package32041 (1.0.0)
    package32042 (1.0.0)
    package32043 (1.0.0)
    package32044 (1.0.0)
    package32045 (1.0.0)
    package32046 (1.0.0)
    package32047 (1.0.0)
    package32048 (1.0.0)
    package32049 (1.0.0)
    package32050 (1.0.0)
    package32051 (1.0.0)
    package32052 (1.0.0)
    package32053 (1.0.0)
    package32054 (1.0.0)
    package32055 (1.0.0)
    package32056 (1.0.0)
    package32057 (1.0.0)
    package32058 (1.0.0)
    package32059 (1.0.0)
    package32060 (1.0.0)
    package32061 (1.0.0)
    package32062 (1.0.0)
    package32063 (1.0.0)
    package32064 (1.0.0)
    package32065 (1.0.0)
    package32066 (1.0.0)
    package32067 (1.0.0)
    package32068 (1.0.0)
    package32069 (1.0.0)
    package32070 (1.0.0)
    package32071 (1.0.0)
    package32072 (1.0.0)
    package32073 (1.0.0)
    package32074 (1.0.0)
    package32075 (1.0.0)
    package32076 (1.0.0)
    package32077 (1.0.0)
    package32078 (1.0.0)
    package32079 (1.0.0)
    package32080 (1.0.0)
    package32081 (1.0.0)
    package32082 (1.0.0)
    package32083 (1.0.0)
    package32084 (1.0.0)
    package32085 (1.0.0)
    package32086 (1.0.0)
    package32087 (1.0.0)
    package32088 (1.0.0)
    package32089 (1.0.0)
    package32090 (1.0.0)
    package32091 (1.0.0)
    package32092 (1.0.0)
    package32093 (1.0.0)
    package32094 (1.0.0)
    package32095 (1.0.0)
    package32096 (1.0.0)
    package32097 (1.0.0)
    package32098 (1.0.0)
    package32099 (1.0.0)
    package32100 (1.0.0)
    package32101 (1.0.0)
    package32102 (1.0.0)
    package32103 (1.0.0)
    package32104 (1.0.0)
    package32105 (1.0.0)
    package32106 (1.0.0)
    package32107 (1.0.0)
    package32108 (1.0.0)
    package32109 (1.0.0)
    package32110 (1.0.0)
    package32111 (1.0.0)
    package32112 (1.0.0)
    package32113 (1.0.0)
    package32114 (1.0.0)
    package32115 (1.0.0)
    package32116 (1.0.0)
    package32117 (1.0.0)
    package32118 (1.0.0)
    package32119 (1.0.0)
    package32120 (1.0.0)
    package32121 (1.0.0)
    package32122 (1.0.0)
    package32123 (1.0.0)
    package32124 (1.0.0)
    package32125 (1.0.0)
    package32126 (1.0.0)
    package32127 (1.0.0)
    package32128 (1.0.0)
    package32129 (1.0.0)
    package32130 (1.0.0)
    package32131 (1.0.0)
    package32132 (1.0.0)
    package32133 (1.0.0)
    package32134 (1.0.0)
    package32135 (1.0.0)
    package32136 (1.0.0)
    package32137 (1.0.0)
    package32138 (1.0.0)
    package32139 (1.0.0)
    package32140 (1.0.0)
    package32141 (1.0.0)
    package32142 (1.0.0)
    package32143 (1.0.0)
    package32144 (1.0.0)
    package32145 (1.0.0)
    package32146 (1.0.0)
    package32147 (1.0.0)
    package32148 (1.0.0)
    package32149 (1.0.0)
    package32150 (1.0.0)
    package32151 (1.0.0)
    package32152 (1.0.0)
    package32153 (1.0.0)
    package32154 (1.0.0)
    package32155 (1.0.0)
    package32156 (1.0.0)
    package32157 (1.0.0)
    package32158 (1.0.0)
    package32159 (1.0.0)
    package32160 (1.0.0)
    package32161 (1.0.0)
    package32162 (1.0.0)
    package32163 (1.0.0)
    package32164 (1.0.0)
    package32165 (1.0.0)
    package32166 (1.0.0)
    package32167 (1.0.0)
    package32168 (1.0.0)
    package32169 (1.0.0)
    package32170 (1.0.0)
    package32171 (1.0.0)
    package32172 (1.0.0)
    package32173 (1.0.0)
    package32174 (1.0.0)
    package32175 (1.0.0)
    package32176 (1.0.0)
    package32177 (1.0.0)
    package32178 (1.0.0)
    package32179 (1.0.0)
    package32180 (1.0.0)
    package32181 (1.0.0)
    package32182 (1.0.0)
    package32183 (1.0.0)
    package32184 (1.0.0)
    package32185 (1.0.0)
    package32186 (1.0.0)
    package32187 (1.0.0)
    package32188 (1.0.0)
    package32189 (1.0.0)
    package32190 (1.0.0)
    package32191 (1.0.0)
    package32192 (1.0.0)
    package32193 (1.0.0)
    package32194 (1.0.0)
    package32195 (1.0.0)
    package32196 (1.0.0)
    package32197 (1.0.0)
    package32198 (1.0.0)
    package32199 (1.0.0)
    package32200 (1.0.0)
    package32201 (1.0.0)
    package32202 (1.0.0)
    package32203 (1.0.0)
    package32204 (1.0.0)
    package32205 (1.0.0)
    package32206 (1.0.0)
    package32207 (1.0.0)
    package32208 (1.0.0)
    package32209 (1.0.0)
    package32210 (1.0.0)
    package32211 (1.0.0)
    package32212 (1.0.0)
    package32213 (1.0.0)
    package32214 (1.0.0)
    package32215 (1.0.0)
    package32216 (1.0.0)
    package32217 (1.0.0)
    package32218 (1.0.0)
    package32219 (1.0.0)
    package32220 (1.0.0)
    package32221 (1.0.0)
    package32222 (1.0.0)
    package32223 (1.0.0)
    package32224 (1.0.0)
    package32225 (1.0.0)
    package32226 (1.0.0)
    package32227 (1.0.0)
    package32228 (1.0.0)
    package32229 (1.0.0)
    package32230 (1.0.0)
    package32231 (1.0.0)
    package32232 (1.0.0)
    package32233 (1.0.0)
    package32234 (1.0.0)
    package32235 (1.0.0)
    package32236 (1.0.0)
    package32237 (1.0.0)
    package32238 (1.0.0)
    package32239 (1.0.0)
    package32240 (1.0.0)
    package32241 (1.0.0)
    package32242 (1.0.0)
    package32243 (1.0.0)
    package32244 (1.0.0)
    package32245 (1.0.0)
    package32246 (1.0.0)
    package32247 (1.0.0)
    package32248 (1.0.0)
    package32249 (1.0.0)
    package32250 (1.0.0)
    package32251 (1.0.0)
    package32252 (1.0.0)
    package32253 (1.0.0)
    package32254 (1.0.0)
    package32255 (1.0.0)
    package32256 (1.0.0)
    package32257 (1.0.0)
    package32258 (1.0.0)
    package32259 (1.0.0)
    package32260 (1.0.0)
    package32261 (1.0.0)
    package32262 (1.0.0)
    package32263 (1.0.0)
    package32264 (1.0.0)
    package32265 (1.0.0)
    package32266 (1.0.0)
    package32267 (1.0.0)
    package32268 (1.0.0)
    package32269 (1.0.0)
    package32270 (1.0.0)
    package32271 (1.0.0)
    package32272 (1.0.0)
    package32273 (1.0.0)
    package32274 (1.0.0)
    package32275 (1.0.0)
    package32276 (1.0.0)
    package32277 (1.0.0)
    package32278 (1.0.0)
    package32279 (1.0.0)
    package32280 (1.0.0)
    package32281 (1.0.0)
    package32282 (1.0.0)
    package32283 (1.0.0)
    package32284 (1.0.0)
    package32285 (1.0.0)
    package32286 (1.0.0)
    package32287 (1.0.0)
    package32288 (1.0.0)
    package32289 (1.0.0)
    package32290 (1.0.0)
    package32291 (1.0.0)
    package32292 (1.0.0)
    package32293 (1.0.0)
    package32294 (1.0.0)
    package32295 (1.0.0)
    package32296 (1.0.0)
    package32297 (1.0.0)
    package32298 (1.0.0)
    package32299 (1.0.0)
    package32300 (1.0.0)
    package32301 (1.0.0)
    package32302 (1.0.0)
    package32303 (1.0.0)
    package32304 (1.0.0)
    package32305 (1.0.0)
    package32306 (1.0.0)
    package32307 (1.0.0)
    package32308 (1.0.0)
    package32309 (1.0.0)
    package32310 (1.0.0)
    package32311 (1.0.0)
    package32312 (1.0.0)
    package32313 (1.0.0)
    package32314 (1.0.0)
    package32315 (1.0.0)
    package32316 (1.0.0)
    package32317 (1.0.0)
    package32318 (1.0.0)
    package32319 (1.0.0)
    package32320 (1.0.0)
    package32321 (1.0.0)
    package32322 (1.0.0)
    package32323 (1.0.0)
    package32324 (1.0.0)
    package32325 (1.0.0)
    package32326 (1.0.0)
    package32327 (1.0.0)
    package32328 (1.0.0)
    package32329 (1.0.0)
    package32330 (1.0.0)
    package32331 (1.0.0)
    package32332 (1.0.0)
    package32333 (1.0.0)
    package32334 (1.0.0)
    package32335 (1.0.0)
    package32336 (1.0.0)
    package32337 (1.0.0)
    package32338 (1.0.0)
    package32339 (1.0.0)
    package32340 (1.0.0)
    package32341 (1.0.0)
    package32342 (1.0.0)
    package32343 (1.0.0)
    package32344 (1.0.0)
    package32345 (1.0.0)
    package32346 (1.0.0)
    package32347 (1.0.0)
    package32348 (1.0.0)
    package32349 (1.0.0)
    package32350 (1.0.0)
    package32351 (1.0.0)
    package32352 (1.0.0)
    package32353 (1.0.0)
    package32354 (1.0.0)
    package32355 (1.0.0)
    package32356 (1.0.0)
    package32357 (1.0.0)
    package32358 (1.0.0)
    package32359 (1.0.0)
    package32360 (1.0.0)
    package32361 (1.0.0)
    package32362 (1.0.0)
    package32363 (1.0.0)
    package32364 (1.0.0)
    package32365 (1.0.0)
    package32366 (1.0.0)
    package32367 (1.0.0)
    package32368 (1.0.0)
    package32369 (1.0.0)
    package32370 (1.0.0)
    package32371 (1.0.0)
    package32372 (1.0.0)
    package32373 (1.0.0)
    package32374 (1.0.0)
    package32375 (1.0.0)
    package32376 (1.0.0)
    package32377 (1.0.0)
    package32378 (1.0.0)
    package32379 (1.0.0)
    package32380 (1.0.0)
    package32381 (1.0.0)
    package32382 (1.0.0)
    package32383 (1.0.0)
    package32384 (1.0.0)
    package32385 (1.0.0)
    package32386 (1.0.0)
    package32387 (1.0.0)
    package32388 (1.0.0)
    package32389 (1.0.0)
    package32390 (1.0.0)
    package32391 (1.0.0)
    package32392 (1.0.0)
    package32393 (1.0.0)
    package32394 (1.0.0)
    package32395 (1.0.0)
    package32396 (1.0.0)
    package32397 (1.0.0)
    package32398 (1.0.0)
    package32399 (1.0.0)
    package32400 (1.0.0)
    package32401 (1.0.0)
    package32402 (1.0.0)
    package32403 (1.0.0)
    package32404 (1.0.0)
    package32405 (1.0.0)
    package32406 (1.0.0)
    package32407 (1.0.0)
    package32408 (1.0.0)
    package32409 (1.0.0)
    package32410 (1.0.0)
    package32411 (1.0.0)
    package32412 (1.0.0)
    package32413 (1.0.0)
    package32414 (1.0.0)
    package32415 (1.0.0)
    package32416 (1.0.0)
    package32417 (1.0.0)
    package32418 (1.0.0)
    package32419 (1.0.0)
    package32420 (1.0.0)
    package32421 (1.0.0)
    package32422 (1.0.0)
    package32423 (1.0.0)
    package32424 (1.0.0)
    package32425 (1.0.0)
    package32426 (1.0.0)
    package32427 (1.0.0)
    package32428 (1.0.0)
    package32429 (1.0.0)
    package32430 (1.0.0)
    package32431 (1.0.0)
    package32432 (1.0.0)
    package32433 (1.0.0)
    package32434 (1.0.0)
    package32435 (1.0.0)
    package32436 (1.0.0)
    package32437 (1.0.0)
    package32438 (1.0.0)
    package32439 (1.0.0)
    package32440 (1.0.0)
    package32441 (1.0.0)
    package32442 (1.0.0)
    package32443 (1.0.0)
    package32444 (1.0.0)
    package32445 (1.0.0)
    package32446 (1.0.0)
    package32447 (1.0.0)
    package32448 (1.0.0)
    package32449 (1.0.0)
    package32450 (1.0.0)
    package32451 (1.0.0)
    package32452 (1.0.0)
    package32453 (1.0.0)
    package32454 (1.0.0)
    package32455 (1.0.0)
    package32456 (1.0.0)
    package32457 (1.0.0)
    package32458 (1.0.0)
    package32459 (1.0.0)
    package32460 (1.0.0)
    package32461 (1.0.0)
    package32462 (1.0.0)
    package32463 (1.0.0)
    package32464 (1.0.0)
    package32465 (1.0.0)
    package32466 (1.0.0)
    package32467 (1.0.0)
    package32468 (1.0.0)
    package32469 (1.0.0)
    package32470 (1.0.0)
    package32471 (1.0.0)
    package32472 (1.0.0)
    package32473 (1.0.0)
    package32474 (1.0.0)
    package32475 (1.0.0)
    package32476 (1.0.0)
    package32477 (1.0.0)
    package32478 (1.0.0)
    package32479 (1.0.0)
    package32480 (1.0.0)
    package32481 (1.0.0)
    package32482 (1.0.0)
    package32483 (1.0.0)
    package32484 (1.0.0)
    package32485 (1.0.0)
    package32486 (1.0.0)
    package32487 (1.0.0)
    package32488 (1.0.0)
    package32489 (1.0.0)
    package32490 (1.0.0)
    package32491 (1.0.0)
    package32492 (1.0.0)
    package32493 (1.0.0)
    package32494 (1.0.0)
    package32495 (1.0.0)
    package32496 (1.0.0)
    package32497 (1.0.0)
    package32498 (1.0.0)
    package32499 (1.0.0)
    package32500 (1.0.0)
    package32501 (1.0.0)
    package32502 (1.0.0)
    package32503 (1.0.0)
    package32504 (1.0.0)
    package32505 (1.0.0)
    package32506 (1.0.0)
    package32507 (1.0.0)
    package32508 (1.0.0)
    package32509 (1.0.0)
    package32510 (1.0.0)
    package32511 (1.0.0)
    package32512 (1.0.0)
    package32513 (1.0.0)
    package32514 (1.0.0)
    package32515 (1.0.0)
    package32516 (1.0.0)
    package32517 (1.0.0)
    package32518 (1.0.0)
    package32519 (1.0.0)
    package32520 (1.0.0)
    package32521 (1.0.0)
    package32522 (1.0.0)
    package32523 (1.0.0)
    package32524 (1.0.0)
    package32525 (1.0.0)
    package32526 (1.0.0)
    package32527 (1.0.0)
    package32528 (1.0.0)
    package32529 (1.0.0)
    package32530 (1.0.0)
    package32531 (1.0.0)
    package32532 (1.0.0)
    package32533 (1.0.0)
    package32534 (1.0.0)
    package32535 (1.0.0)
    package32536 (1.0.0)
    package32537 (1.0.0)
    package32538 (1.0.0)
    package32539 (1.0.0)
    package32540 (1.0.0)
    package32541 (1.0.0)
    package32542 (1.0.0)
    package32543 (1.0.0)
    package32544 (1.0.0)
    package32545 (1.0.0)
    package32546 (1.0.0)
    package32547 (1.0.0)
    package32548 (1.0.0)
    package32549 (1.0.0)
    package32550 (1.0.0)
    package32551 (1.0.0)
    package32552 (1.0.0)
    package32553 (1.0.0)
    package32554 (1.0.0)
    package32555 (1.0.0)
    package32556 (1.0.0)
    package32557 (1.0.0)
    package32558 (1.0.0)
    package32559 (1.0.0)
    package32560 (1.0.0)
    package32561 (1.0.0)
    package32562 (1.0.0)
    package32563 (1.0.0)
    package32564 (1.0.0)
    package32565 (1.0.0)
    package32566 (1.0.0)
    package32567 (1.0.0)
    package32568 (1.0.0)
    package32569 (1.0.0)
    package32570 (1.0.0)
    package32571 (1.0.0)
    package32572 (1.0.0)
    package32573 (1.0.0)
    package32574 (1.0.0)
    package32575 (1.0.0)
    package32576 (1.0.0)
    package32577 (1.0.0)
    package32578 (1.0.0)
    package32579 (1.0.0)
    package32580 (1.0.0)
    package32581 (1.0.0)
    package32582 (1.0.0)
    package32583 (1.0.0)
    package32584 (1.0.0)
    package32585 (1.0.0)
    package32586 (1.0.0)
    package32587 (1.0.0)
    package32588 (1.0.0)
    package32589 (1.0.0)
    package32590 (1.0.0)
    package32591 (1.0.0)
    package32592 (1.0.0)
    package32593 (1.0.0)
    package32594 (1.0.0)
    package32595 (1.0.0)
    package32596 (1.0.0)
    package32597 (1.0.0)
    package32598 (1.0.0)
    package32599 (1.0.0)
    package32600 (1.0.0)
    package32601 (1.0.0)
    package32602 (1.0.0)
    package32603 (1.0.0)
    package32604 (1.0.0)
    package32605 (1.0.0)
    package32606 (1.0.0)
    package32607 (1.0.0)
    package32608 (1.0.0)
    package32609 (1.0.0)
    package32610 (1.0.0)
    package32611 (1.0.0)
    package32612 (1.0.0)
    package32613 (1.0.0)
    package32614 (1.0.0)
    package32615 (1.0.0)
    package32616 (1.0.0)
    package32617 (1.0.0)
    package32618 (1.0.0)
    package32619 (1.0.0)
    package32620 (1.0.0)
    package32621 (1.0.0)
    package32622 (1.0.0)
    package32623 (1.0.0)
    package32624 (1.0.0)
    package32625 (1.0.0)
    package32626 (1.0.0)
    package32627 (1.0.0)
    package32628 (1.0.0)
    package32629 (1.0.0)
    package32630 (1.0.0)
    package32631 (1.0.0)
    package32632 (1.0.0)
    package32633 (1.0.0)
    package32634 (1.0.0)
    package32635 (1.0.0)
    package32636 (1.0.0)
    package32637 (1.0.0)
    package32638 (1.0.0)
    package32639 (1.0.0)
    package32640 (1.0.0)
    package32641 (1.0.0)
    package32642 (1.0.0)
    package32643 (1.0.0)
    package32644 (1.0.0)
    package32645 (1.0.0)
    package32646 (1.0.0)
    package32647 (1.0.0)
    package32648 (1.0.0)
    package32649 (1.0.0)
    package32650 (1.0.0)
    package32651 (1.0.0)
    package32652 (1.0.0)
    package32653 (1.0.0)
    package32654 (1.0.0)
    package32655 (1.0.0)
    package32656 (1.0.0)
    package32657 (1.0.0)
    package32658 (1.0.0)
    package32659 (1.0.0)
    package32660 (1.0.0)
    package32661 (1.0.0)
    package32662 (1.0.0)
    package32663 (1.0.0)
    package32664 (1.0.0)
    package32665 (1.0.0)
    package32666 (1.0.0)
    package32667 (1.0.0)
    package32668 (1.0.0)
    package32669 (1.0.0)
    package32670 (1.0.0)
    package32671 (1.0.0)
    package32672 (1.0.0)
    package32673 (1.0.0)
    package32674 (1.0.0)
    package32675 (1.0.0)
    package32676 (1.0.0)
    package32677 (1.0.0)
    package32678 (1.0.0)
    package32679 (1.0.0)
    package32680 (1.0.0)
    package32681 (1.0.0)
    package32682 (1.0.0)
    package32683 (1.0.0)
    package32684 (1.0.0)
    package32685 (1.0.0)
    package32686 (1.0.0)
    package32687 (1.0.0)
    package32688 (1.0.0)
    package32689 (1.0.0)
    package32690 (1.0.0)
    package32691 (1.0.0)
    package32692 (1.0.0)
    package32693 (1.0.0)
    package32694 (1.0.0)
    package32695 (1.0.0)
    package32696 (1.0.0)
    package32697 (1.0.0)
    package32698 (1.0.0)
    package32699 (1.0.0)
    package32700 (1.0.0)
    package32701 (1.0.0)
    package32702 (1.0.0)
    package32703 (1.0.0)
    package32704 (1.0.0)
    package32705 (1.0.0)
    package32706 (1.0.0)
    package32707 (1.0.0)
    package32708 (1.0.0)
    package32709 (1.0.0)
    package32710 (1.0.0)
    package32711 (1.0.0)
    package32712 (1.0.0)
    package32713 (1.0.0)
    package32714 (1.0.0)
    package32715 (1.0.0)
    package32716 (1.0.0)
    package32717 (1.0.0)
    package32718 (1.0.0)
    package32719 (1.0.0)
    package32720 (1.0.0)
    package32721 (1.0.0)
    package32722 (1.0.0)
    package32723 (1.0.0)
    package32724 (1.0.0)
    package32725 (1.0.0)
    package32726 (1.0.0)
    package32727 (1.0.0)
    package32728 (1.0.0)
    package32729 (1.0.0)
    package32730 (1.0.0)
    package32731 (1.0.0)
    package32732 (1.0.0)
    package32733 (1.0.0)
    package32734 (1.0.0)
    package32735 (1.0.0)
    package32736 (1.0.0)
    package32737 (1.0.0)
    package32738 (1.0.0)
    package32739 (1.0.0)
    package32740 (1.0.0)
    package32741 (1.0.0)
    package32742 (1.0.0)
    package32743 (1.0.0)
    package32744 (1.0.0)
    package32745 (1.0.0)
    package32746 (1.0.0)
    package32747 (1.0.0)
    package32748 (1.0.0)
    package32749 (1.0.0)
    package32750 (1.0.0)
    package32751 (1.0.0)
    package32752 (1.0.0)
    package32753 (1.0.0)
    package32754 (1.0.0)
    package32755 (1.0.0)
    package32756 (1.0.0)
    package32757 (1.0.0)
    package32758 (1.0.0)
    package32759 (1.0.0)
    package32760 (1.0.0)
    package32761 (1.0.0)
    package32762 (1.0.0)
    package32763 (1.0.0)
    package32764 (1.0.0)
    package32765 (1.0.0)
    package32766 (1.0.0)
    package32767 (1.0.0)
    package32768 (1.0.0)
    package32769 (1.0.0)
    package32770 (1.0.0)
    package32771 (1.0.0)
    package32772 (1.0.0)
    package32773 (1.0.0)
    package32774 (1.0.0)
    package32775 (1.0.0)
    package32776 (1.0.0)
    package32777 (1.0.0)
    package32778 (1.0.0)
    package32779 (1.0.0)
    package32780 (1.0.0)
    package32781 (1.0.0)
    package32782 (1.0.0)
    package32783 (1.0.0)
    package32784 (1.0.0)
    package32785 (1.0.0)
    package32786 (1.0.0)
    package32787 (1.0.0)
    package32788 (1.0.0)
    package32789 (1.0.0)
    package32790 (1.0.0)
    package32791 (1.0.0)
    package32792 (1.0.0)
    package32793 (1.0.0)
    package32794 (1.0.0)
    package32795 (1.0.0)
    package32796 (1.0.0)
    package32797 (1.0.0)
    package32798 (1.0.0)
    package32799 (1.0.0)
    package32800 (1.0.0)
    package32801 (1.0.0)
    package32802 (1.0.0)
    package32803 (1.0.0)
    package32804 (1.0.0)
    package32805 (1.0.0)
    package32806 (1.0.0)
    package32807 (1.0.0)
    package32808 (1.0.0)
    package32809 (1.0.0)
    package32810 (1.0.0)
    package32811 (1.0.0)
    package32812 (1.0.0)
    package32813 (1.0.0)
    package32814 (1.0.0)
    package32815 (1.0.0)
    package32816 (1.0.0)
    package32817 (1.0.0)
    package32818 (1.0.0)
    package32819 (1.0.0)
    package32820 (1.0.0)
    package32821 (1.0.0)
    package32822 (1.0.0)
    package32823 (1.0.0)
    package32824 (1.0.0)
    package32825 (1.0.0)
    package32826 (1.0.0)
    package32827 (1.0.0)
    package32828 (1.0.0)
    package32829 (1.0.0)
    package32830 (1.0.0)
    package32831 (1.0.0)
    package32832 (1.0.0)
    package32833 (1.0.0)
    package32834 (1.0.0)
    package32835 (1.0.0)
    package32836 (1.0.0)
    package32837 (1.0.0)
    package32838 (1.0.0)
    package32839 (1.0.0)
    package32840 (1.0.0)
    package32841 (1.0.0)
    package32842 (1.0.0)
    package32843 (1.0.0)
    package32844 (1.0.0)
    package32845 (1.0.0)
    package32846 (1.0.0)
    package32847 (1.0.0)
    package32848 (1.0.0)
    package32849 (1.0.0)
    package32850 (1.0.0)
    package32851 (1.0.0)
    package32852 (1.0.0)
    package32853 (1.0.0)
    package32854 (1.0.0)
    package32855 (1.0.0)
    package32856 (1.0.0)
    package32857 (1.0.0)
    package32858 (1.0.0)
    package32859 (1.0.0)
    package32860 (1.0.0)
    package32861 (1.0.0)
    package32862 (1.0.0)
    package32863 (1.0.0)
    package32864 (1.0.0)
    package32865 (1.0.0)
    package32866 (1.0.0)
    package32867 (1.0.0)
    package32868 (1.0.0)
    package32869 (1.0.0)
    package32870 (1.0.0)
    package32871 (1.0.0)
    package32872 (1.0.0)
    package32873 (1.0.0)
    package32874 (1.0.0)
    package32875 (1.0.0)
    package32876 (1.0.0)
    package32877 (1.0.0)
    package32878 (1.0.0)
    package32879 (1.0.0)
    package32880 (1.0.0)
    package32881 (1.0.0)
    package32882 (1.0.0)
    package32883 (1.0.0)
    package32884 (1.0.0)
    package32885 (1.0.0)
    package32886 (1.0.0)
    package32887 (1.0.0)
    package32888 (1.0.0)
    package32889 (1.0.0)
    package32890 (1.0.0)
    package32891 (1.0.0)
    package32892 (1.0.0)
    package32893 (1.0.0)
    package32894 (1.0.0)
    package32895 (1.0.0)
    package32896 (1.0.0)
    package32897 (1.0.0)
    package32898 (1.0.0)
    package32899 (1.0.0)
    package32900 (1.0.0)
    package32901 (1.0.0)
    package32902 (1.0.0)
    package32903 (1.0.0)
    package32904 (1.0.0)
    package32905 (1.0.0)
    package32906 (1.0.0)
    package32907 (1.0.0)
    package32908 (1.0.0)
    package32909 (1.0.0)
    package32910 (1.0.0)
    package32911 (1.0.0)
    package32912 (1.0.0)
    package32913 (1.0.0)
    package32914 (1.0.0)
    package32915 (1.0.0)
    package32916 (1.0.0)
    package32917 (1.0.0)
    package32918 (1.0.0)
    package32919 (1.0.0)
    package32920 (1.0.0)
    package32921 (1.0.0)
    package32922 (1.0.0)
    package32923 (1.0.0)
    package32924 (1.0.0)
    package32925 (1.0.0)
    package32926 (1.0.0)
    package32927 (1.0.0)
    package32928 (1.0.0)
    package32929 (1.0.0)
    package32930 (1.0.0)
    package32931 (1.0.0)
    package32932 (1.0.0)
    package32933 (1.0.0)
    package32934 (1.0.0)
    package32935 (1.0.0)
    package32936 (1.0.0)
    package32937 (1.0.0)
    package32938 (1.0.0)
    package32939 (1.0.0)
    package32940 (1.0.0)
    package32941 (1.0.0)
    package32942 (1.0.0)
    package32943 (1.0.0)
    package32944 (1.0.0)
    package32945 (1.0.0)
    package32946 (1.0.0)
    package32947 (1.0.0)
    package32948 (1.0.0)
    package32949 (1.0.0)
    package32950 (1.0.0)
    package32951 (1.0.0)
    package32952 (1.0.0)
    package32953 (1.0.0)
    package32954 (1.0.0)
    package32955 (1.0.0)
    package32956 (1.0.0)
    package32957 (1.0.0)
    package32958 (1.0.0)
    package32959 (1.0.0)
    package32960 (1.0.0)
    package32961 (1.0.0)
    package32962 (1.0.0)
    package32963 (1.0.0)
    package32964 (1.0.0)
    package32965 (1.0.0)
    package32966 (1.0.0)
    package32967 (1.0.0)
    package32968 (1.0.0)
    package32969 (1.0.0)
    package32970 (1.0.0)
    package32971 (1.0.0)
    package32972 (1.0.0)
    package32973 (1.0.0)
    package32974 (1.0.0)
    package32975 (1.0.0)
    package32976 (1.0.0)
    package32977 (1.0.0)
    package32978 (1.0.0)
    package32979 (1.0.0)
    package32980 (1.0.0)
    package32981 (1.0.0)
    package32982 (1.0.0)
    package32983 (1.0.0)
    package32984 (1.0.0)
    package32985 (1.0.0)
    package32986 (1.0.0)
    package32987 (1.0.0)
    package32988 (1.0.0)
    package32989 (1.0.0)
    package32990 (1.0.0)
    package32991 (1.0.0)
    package32992 (1.0.0)
    package32993 (1.0.0)
    package32994 (1.0.0)
    package32995 (1.0.0)
    package32996 (1.0.0)
    package32997 (1.0.0)
    package32998 (1.0.0)
    package32999 (1.0.0)
    package33000 (1.0.0)
    package33001 (1.0.0)
    package33002 (1.0.0)
    package33003 (1.0.0)
    package33004 (1.0.0)
    package33005 (1.0.0)
    package33006 (1.0.0)
    package33007 (1.0.0)
    package33008 (1.0.0)
    package33009 (1.0.0)
    package33010 (1.0.0)
    package33011 (1.0.0)
    package33012 (1.0.0)
    package33013 (1.0.0)
    package33014 (1.0.0)
    package33015 (1.0.0)
    package33016 (1.0.0)
    package33017 (1.0.0)
    package33018 (1.0.0)
    package33019 (1.0.0)
    package33020 (1.0.0)
    package33021 (1.0.0)
    package33022 (1.0.0)
    package33023 (1.0.0)
    package33024 (1.0.0)
    package33025 (1.0.0)
    package33026 (1.0.0)
    package33027 (1.0.0)
    package33028 (1.0.0)
    package33029 (1.0.0)
    package33030 (1.0.0)
    package33031 (1.0.0)
    package33032 (1.0.0)
    package33033 (1.0.0)
    package33034 (1.0.0)
    package33035 (1.0.0)
    package33036 (1.0.0)
    package33037 (1.0.0)
    package33038 (1.0.0)
    package33039 (1.0.0)
    package33040 (1.0.0)
    package33041 (1.0.0)
    package33042 (1.0.0)
    package33043 (1.0.0)
    package33044 (1.0.0)
    package33045 (1.0.0)
    package33046 (1.0.0)
    package33047 (1.0.0)
    package33048 (1.0.0)
    package33049 (1.0.0)
    package33050 (1.0.0)
    package33051 (1.0.0)
    package33052 (1.0.0)
    package33053 (1.0.0)
    package33054 (1.0.0)
    package33055 (1.0.0)
    package33056 (1.0.0)
    package33057 (1.0.0)
    package33058 (1.0.0)
    package33059 (1.0.0)
    package33060 (1.0.0)
    package33061 (1.0.0)
    package33062 (1.0.0)
    package33063 (1.0.0)
    package33064 (1.0.0)
    package33065 (1.0.0)
    package33066 (1.0.0)
    package33067 (1.0.0)
    package33068 (1.0.0)
    package33069 (1.0.0)
    package33070 (1.0.0)
    package33071 (1.0.0)
    package33072 (1.0.0)
    package33073 (1.0.0)
    package33074 (1.0.0)
    package33075 (1.0.0)
    package33076 (1.0.0)
    package33077 (1.0.0)
    package33078 (1.0.0)
    package33079 (1.0.0)
    package33080 (1.0.0)
    package33081 (1.0.0)
    package33082 (1.0.0)
    package33083 (1.0.0)
    package33084 (1.0.0)
    package33085 (1.0.0)
    package33086 (1.0.0)
    package33087 (1.0.0)
    package33088 (1.0.0)
    package33089 (1.0.0)
    package33090 (1.0.0)
    package33091 (1.0.0)
    package33092 (1.0.0)
    package33093 (1.0.0)
    package33094 (1.0.0)
    package33095 (1.0.0)
    package33096 (1.0.0)
    package33097 (1.0.0)
    package33098 (1.0.0)
    package33099 (1.0.0)
    package33100 (1.0.0)
    package33101 (1.0.0)
    package33102 (1.0.0)
    package33103 (1.0.0)
    package33104 (1.0.0)
    package33105 (1.0.0)
    package33106 (1.0.0)
    package33107 (1.0.0)
    package33108 (1.0.0)
    package33109 (1.0.0)
    package33110 (1.0.0)
    package33111 (1.0.0)
    package33112 (1.0.0)
    package33113 (1.0.0)
    package33114 (1.0.0)
    package33115 (1.0.0)
    package33116 (1.0.0)
    package33117 (1.0.0)
    package33118 (1.0.0)
    package33119 (1.0.0)
    package33120 (1.0.0)
    package33121 (1.0.0)
    package33122 (1.0.0)
    package33123 (1.0.0)
    package33124 (1.0.0)
    package33125 (1.0.0)
    package33126 (1.0.0)
    package33127 (1.0.0)
    package33128 (1.0.0)
    package33129 (1.0.0)
    package33130 (1.0.0)
    package33131 (1.0.0)
    package33132 (1.0.0)
    package33133 (1.0.0)
    package33134 (1.0.0)
    package33135 (1.0.0)
    package33136 (1.0.0)
    package33137 (1.0.0)
    package33138 (1.0.0)
    package33139 (1.0.0)
    package33140 (1.0.0)
    package33141 (1.0.0)
    package33142 (1.0.0)
    package33143 (1.0.0)
    package33144 (1.0.0)
    package33145 (1.0.0)
    package33146 (1.0.0)
    package33147 (1.0.0)
    package33148 (1.0.0)
    package33149 (1.0.0)
    package33150 (1.0.0)
    package33151 (1.0.0)
    package33152 (1.0.0)
    package33153 (1.0.0)
    package33154 (1.0.0)
    package33155 (1.0.0)
    package33156 (1.0.0)
    package33157 (1.0.0)
    package33158 (1.0.0)
    package33159 (1.0.0)
    package33160 (1.0.0)
    package33161 (1.0.0)
    package33162 (1.0.0)
    package33163 (1.0.0)
    package33164 (1.0.0)
    package33165 (1.0.0)
    package33166 (1.0.0)
    package33167 (1.0.0)
    package33168 (1.0.0)
    package33169 (1.0.0)
    package33170 (1.0.0)
    package33171 (1.0.0)
    package33172 (1.0.0)
    package33173 (1.0.0)
    package33174 (1.0.0)
    package33175 (1.0.0)
    package33176 (1.0.0)
    package33177 (1.0.0)
    package33178 (1.0.0)
    package33179 (1.0.0)
    package33180 (1.0.0)
    package33181 (1.0.0)
    package33182 (1.0.0)
    package33183 (1.0.0)
    package33184 (1.0.0)
    package33185 (1.0.0)
    package33186 (1.0.0)
    package33187 (1.0.0)
    package33188 (1.0.0)
    package33189 (1.0.0)
    package33190 (1.0.0)
    package33191 (1.0.0)
    package33192 (1.0.0)
    package33193 (1.0.0)
    package33194 (1.0.0)
    package33195 (1.0.0)
    package33196 (1.0.0)
    package33197 (1.0.0)
    package33198 (1.0.0)
    package33199 (1.0.0)
    package33200 (1.0.0)
    package33201 (1.0.0)
    package33202 (1.0.0)
    package33203 (1.0.0)
    package33204 (1.0.0)
    package33205 (1.0.0)
    package33206 (1.0.0)
    package33207 (1.0.0)
    package33208 (1.0.0)
    package33209 (1.0.0)
    package33210 (1.0.0)
    package33211 (1.0.0)
    package33212 (1.0.0)
    package33213 (1.0.0)
    package33214 (1.0.0)
    package33215 (1.0.0)
    package33216 (1.0.0)
    package33217 (1.0.0)
    package33218 (1.0.0)
    package33219 (1.0.0)
    package33220 (1.0.0)
    package33221 (1.0.0)
    package33222 (1.0.0)
    package33223 (1.0.0)
    package33224 (1.0.0)
    package33225 (1.0.0)
    package33226 (1.0.0)
    package33227 (1.0.0)
    package33228 (1.0.0)
    package33229 (1.0.0)
    package33230 (1.0.0)
    package33231 (1.0.0)
    package33232 (1.0.0)
    package33233 (1.0.0)
    package33234 (1.0.0)
    package33235 (1.0.0)
    package33236 (1.0.0)
    package33237 (1.0.0)
    package33238 (1.0.0)
    package33239 (1.0.0)
    package33240 (1.0.0)
    package33241 (1.0.0)
    package33242 (1.0.0)
    package33243 (1.0.0)
    package33244 (1.0.0)
    package33245 (1.0.0)
    package33246 (1.0.0)
    package33247 (1.0.0)
    package33248 (1.0.0)
    package33249 (1.0.0)
    package33250 (1.0.0)
    package33251 (1.0.0)
    package33252 (1.0.0)
    package33253 (1.0.0)
    package33254 (1.0.0)
    package33255 (1.0.0)
    package33256 (1.0.0)
    package33257 (1.0.0)
    package33258 (1.0.0)
    package33259 (1.0.0)
    package33260 (1.0.0)
    package33261 (1.0.0)
    package33262 (1.0.0)
    package33263 (1.0.0)
    package33264 (1.0.0)
    package33265 (1.0.0)
    package33266 (1.0.0)
    package33267 (1.0.0)
    package33268 (1.0.0)
    package33269 (1.0.0)
    package33270 (1.0.0)
    package33271 (1.0.0)
    package33272 (1.0.0)
    package33273 (1.0.0)
    package33274 (1.0.0)
    package33275 (1.0.0)
    package33276 (1.0.0)
    package33277 (1.0.0)
    package33278 (1.0.0)
    package33279 (1.0.0)
    package33280 (1.0.0)
    package33281 (1.0.0)
    package33282 (1.0.0)
    package33283 (1.0.0)
    package33284 (1.0.0)
    package33285 (1.0.0)
    package33286 (1.0.0)
    package33287 (1.0.0)
    package33288 (1.0.0)
    package33289 (1.0.0)
    package33290 (1.0.0)
    package33291 (1.0.0)
    package33292 (1.0.0)
    package33293 (1.0.0)
    package33294 (1.0.0)
    package33295 (1.0.0)
    package33296 (1.0.0)
    package33297 (1.0.0)
    package33298 (1.0.0)
    package33299 (1.0.0)
    package33300 (1.0.0)
    package33301 (1.0.0)
    package33302 (1.0.0)
    package33303 (1.0.0)
    package33304 (1.0.0)
    package33305 (1.0.0)
    package33306 (1.0.0)
    package33307 (1.0.0)
    package33308 (1.0.0)
    package33309 (1.0.0)
    package33310 (1.0.0)
    package33311 (1.0.0)
    package33312 (1.0.0)
    package33313 (1.0.0)
    package33314 (1.0.0)
    package33315 (1.0.0)
    package33316 (1.0.0)
    package33317 (1.0.0)
    package33318 (1.0.0)
    package33319 (1.0.0)
    package33320 (1.0.0)
    package33321 (1.0.0)
    package33322 (1.0.0)
    package33323 (1.0.0)
    package33324 (1.0.0)
    package33325 (1.0.0)
    package33326 (1.0.0)
    package33327 (1.0.0)
    package33328 (1.0.0)
    package33329 (1.0.0)
    package33330 (1.0.0)
    package33331 (1.0.0)
    package33332 (1.0.0)
    package33333 (1.0.0)
    package33334 (1.0.0)
    package33335 (1.0.0)
    package33336 (1.0.0)
    package33337 (1.0.0)
    package33338 (1.0.0)
    package33339 (1.0.0)
    package33340 (1.0.0)
    package33341 (1.0.0)
    package33342 (1.0.0)
    package33343 (1.0.0)
    package33344 (1.0.0)
    package33345 (1.0.0)
    package33346 (1.0.0)
    package33347 (1.0.0)
    package33348 (1.0.0)
    package33349 (1.0.0)
    package33350 (1.0.0)
    package33351 (1.0.0)
    package33352 (1.0.0)
    package33353 (1.0.0)
    package33354 (1.0.0)
    package33355 (1.0.0)
    package33356 (1.0.0)
    package33357 (1.0.0)
    package33358 (1.0.0)
    package33359 (1.0.0)
    package33360 (1.0.0)
    package33361 (1.0.0)
    package33362 (1.0.0)
    package33363 (1.0.0)
    package33364 (1.0.0)
    package33365 (1.0.0)
    package33366 (1.0.0)
    package33367 (1.0.0)
    package33368 (1.0.0)
    package33369 (1.0.0)
    package33370 (1.0.0)
    package33371 (1.0.0)
    package33372 (1.0.0)
    package33373 (1.0.0)
    package33374 (1.0.0)
    package33375 (1.0.0)
    package33376 (1.0.0)
    package33377 (1.0.0)
    package33378 (1.0.0)
    package33379 (1.0.0)
    package33380 (1.0.0)
    package33381 (1.0.0)
    package33382 (1.0.0)
    package33383 (1.0.0)
    package33384 (1.0.0)
    package33385 (1.0.0)
    package33386 (1.0.0)
    package33387 (1.0.0)
    package33388 (1.0.0)
    package33389 (1.0.0)
    package33390 (1.0.0)
    package33391 (1.0.0)
    package33392 (1.0.0)
    package33393 (1.0.0)
    package33394 (1.0.0)
    package33395 (1.0.0)
    package33396 (1.0.0)
    package33397 (1.0.0)
    package33398 (1.0.0)
    package33399 (1.0.0)
    package33400 (1.0.0)
    package33401 (1.0.0)
    package33402 (1.0.0)
    package33403 (1.0.0)
    package33404 (1.0.0)
    package33405 (1.0.0)
    package33406 (1.0.0)
    package33407 (1.0.0)
    package33408 (1.0.0)
    package33409 (1.0.0)
    package33410 (1.0.0)
    package33411 (1.0.0)
    package33412 (1.0.0)
    package33413 (1.0.0)
    package33414 (1.0.0)
    package33415 (1.0.0)
    package33416 (1.0.0)
    package33417 (1.0.0)
    package33418 (1.0.0)
    package33419 (1.0.0)
    package33420 (1.0.0)
    package33421 (1.0.0)
    package33422 (1.0.0)
    package33423 (1.0.0)
    package33424 (1.0.0)
    package33425 (1.0.0)
    package33426 (1.0.0)
    package33427 (1.0.0)
    package33428 (1.0.0)
    package33429 (1.0.0)
    package33430 (1.0.0)
    package33431 (1.0.0)
    package33432 (1.0.0)
    package33433 (1.0.0)
    package33434 (1.0.0)
    package33435 (1.0.0)
    package33436 (1.0.0)
    package33437 (1.0.0)
    package33438 (1.0.0)
    package33439 (1.0.0)
    package33440 (1.0.0)
    package33441 (1.0.0)
    package33442 (1.0.0)
    package33443 (1.0.0)
    package33444 (1.0.0)
    package33445 (1.0.0)
    package33446 (1.0.0)
    package33447 (1.0.0)
    package33448 (1.0.0)
    package33449 (1.0.0)
    package33450 (1.0.0)
    package33451 (1.0.0)
    package33452 (1.0.0)
    package33453 (1.0.0)
    package33454 (1.0.0)
    package33455 (1.0.0)
    package33456 (1.0.0)
    package33457 (1.0.0)
    package33458 (1.0.0)
    package33459 (1.0.0)
    package33460 (1.0.0)
    package33461 (1.0.0)
    package33462 (1.0.0)
    package33463 (1.0.0)
    package33464 (1.0.0)
    package33465 (1.0.0)
    package33466 (1.0.0)
    package33467 (1.0.0)
    package33468 (1.0.0)
    package33469 (1.0.0)
    package33470 (1.0.0)
    package33471 (1.0.0)
    package33472 (1.0.0)
    package33473 (1.0.0)
    package33474 (1.0.0)
    package33475 (1.0.0)
    package33476 (1.0.0)
    package33477 (1.0.0)
    package33478 (1.0.0)
    package33479 (1.0.0)
    package33480 (1.0.0)
    package33481 (1.0.0)
    package33482 (1.0.0)
    package33483 (1.0.0)
    package33484 (1.0.0)
    package33485 (1.0.0)
    package33486 (1.0.0)
    package33487 (1.0.0)
    package33488 (1.0.0)
    package33489 (1.0.0)
    package33490 (1.0.0)
    package33491 (1.0.0)
    package33492 (1.0.0)
    package33493 (1.0.0)
    package33494 (1.0.0)
    package33495 (1.0.0)
    package33496 (1.0.0)
    package33497 (1.0.0)
    package33498 (1.0.0)
    package33499 (1.0.0)
    package33500 (1.0.0)
    package33501 (1.0.0)
    package33502 (1.0.0)
    package33503 (1.0.0)
    package33504 (1.0.0)
    package33505 (1.0.0)
    package33506 (1.0.0)
    package33507 (1.0.0)
    package33508 (1.0.0)
    package33509 (1.0.0)
    package33510 (1.0.0)
    package33511 (1.0.0)
    package33512 (1.0.0)
    package33513 (1.0.0)
    package33514 (1.0.0)
    package33515 (1.0.0)
    package33516 (1.0.0)
    package33517 (1.0.0)
    package33518 (1.0.0)
    package33519 (1.0.0)
    package33520 (1.0.0)
    package33521 (1.0.0)
    package33522 (1.0.0)
    package33523 (1.0.0)
    package33524 (1.0.0)
    package33525 (1.0.0)
    package33526 (1.0.0)
    package33527 (1.0.0)
    package33528 (1.0.0)
    package33529 (1.0.0)
    package33530 (1.0.0)
    package33531 (1.0.0)
    package33532 (1.0.0)
    package33533 (1.0.0)
    package33534 (1.0.0)
    package33535 (1.0.0)
    package33536 (1.0.0)
    package33537 (1.0.0)
    package33538 (1.0.0)
    package33539 (1.0.0)
    package33540 (1.0.0)
    package33541 (1.0.0)
    package33542 (1.0.0)
    package33543 (1.0.0)
    package33544 (1.0.0)
    package33545 (1.0.0)
    package33546 (1.0.0)
    package33547 (1.0.0)
    package33548 (1.0.0)
    package33549 (1.0.0)
    package33550 (1.0.0)
    package33551 (1.0.0)
    package33552 (1.0.0)
    package33553 (1.0.0)
    package33554 (1.0.0)
    package33555 (1.0.0)
    package33556 (1.0.0)
    package33557 (1.0.0)
    package33558 (1.0.0)
    package33559 (1.0.0)
    package33560 (1.0.0)
    package33561 (1.0.0)
    package33562 (1.0.0)
    package33563 (1.0.0)
    package33564 (1.0.0)
    package33565 (1.0.0)
    package33566 (1.0.0)
    package33567 (1.0.0)
    package33568 (1.0.0)
    package33569 (1.0.0)
    package33570 (1.0.0)
    package33571 (1.0.0)
    package33572 (1.0.0)
    package33573 (1.0.0)
    package33574 (1.0.0)
    package33575 (1.0.0)
    package33576 (1.0.0)
    package33577 (1.0.0)
    package33578 (1.0.0)
    package33579 (1.0.0)
    package33580 (1.0.0)
    package33581 (1.0.0)
    package33582 (1.0.0)
    package33583 (1.0.0)
    package33584 (1.0.0)
    package33585 (1.0.0)
    package33586 (1.0.0)
    package33587 (1.0.0)
    package33588 (1.0.0)
    package33589 (1.0.0)
    package33590 (1.0.0)
    package33591 (1.0.0)
    package33592 (1.0.0)
    package33593 (1.0.0)
    package33594 (1.0.0)
    package33595 (1.0.0)
    package33596 (1.0.0)
    package33597 (1.0.0)
    package33598 (1.0.0)
    package33599 (1.0.0)
    package33600 (1.0.0)
    package33601 (1.0.0)
    package33602 (1.0.0)
    package33603 (1.0.0)
    package33604 (1.0.0)
    package33605 (1.0.0)
    package33606 (1.0.0)
    package33607 (1.0.0)
    package33608 (1.0.0)
    package33609 (1.0.0)
    package33610 (1.0.0)
    package33611 (1.0.0)
    package33612 (1.0.0)
    package33613 (1.0.0)
    package33614 (1.0.0)
    package33615 (1.0.0)
    package33616 (1.0.0)
    package33617 (1.0.0)
    package33618 (1.0.0)
    package33619 (1.0.0)
    package33620 (1.0.0)
    package33621 (1.0.0)
    package33622 (1.0.0)
    package33623 (1.0.0)
    package33624 (1.0.0)
    package33625 (1.0.0)
    package33626 (1.0.0)
    package33627 (1.0.0)
    package33628 (1.0.0)
    package33629 (1.0.0)
    package33630 (1.0.0)
    package33631 (1.0.0)
    package33632 (1.0.0)
    package33633 (1.0.0)
    package33634 (1.0.0)
    package33635 (1.0.0)
    package33636 (1.0.0)
    package33637 (1.0.0)
    package33638 (1.0.0)
    package33639 (1.0.0)
    package33640 (1.0.0)
    package33641 (1.0.0)
    package33642 (1.0.0)
    package33643 (1.0.0)
    package33644 (1.0.0)
    package33645 (1.0.0)
    package33646 (1.0.0)
    package33647 (1.0.0)
    package33648 (1.0.0)
    package33649 (1.0.0)
    package33650 (1.0.0)
    package33651 (1.0.0)
    package33652 (1.0.0)
    package33653 (1.0.0)
    package33654 (1.0.0)
    package33655 (1.0.0)
    package33656 (1.0.0)
    package33657 (1.0.0)
    package33658 (1.0.0)
    package33659 (1.0.0)
    package33660 (1.0.0)
    package33661 (1.0.0)
    package33662 (1.0.0)
    package33663 (1.0.0)
    package33664 (1.0.0)
    package33665 (1.0.0)
    package33666 (1.0.0)
    package33667 (1.0.0)
    package33668 (1.0.0)
    package33669 (1.0.0)
    package33670 (1.0.0)
    package33671 (1.0.0)
    package33672 (1.0.0)
    package33673 (1.0.0)
    package33674 (1.0.0)
    package33675 (1.0.0)
    package33676 (1.0.0)
    package33677 (1.0.0)
    package33678 (1.0.0)
    package33679 (1.0.0)
    package33680 (1.0.0)
    package33681 (1.0.0)
    package33682 (1.0.0)
    package33683 (1.0.0)
    package33684 (1.0.0)
    package33685 (1.0.0)
    package33686 (1.0.0)
    package33687 (1.0.0)
    package33688 (1.0.0)
    package33689 (1.0.0)
    package33690 (1.0.0)
    package33691 (1.0.0)
    package33692 (1.0.0)
    package33693 (1.0.0)
    package33694 (1.0.0)
    package33695 (1.0.0)
    package33696 (1.0.0)
    package33697 (1.0.0)
    package33698 (1.0.0)
    package33699 (1.0.0)
    package33700 (1.0.0)
    package33701 (1.0.0)
    package33702 (1.0.0)
    package33703 (1.0.0)
    package33704 (1.0.0)
    package33705 (1.0.0)
    package33706 (1.0.0)
    package33707 (1.0.0)
    package33708 (1.0.0)
    package33709 (1.0.0)
    package33710 (1.0.0)
    package33711 (1.0.0)
    package33712 (1.0.0)
    package33713 (1.0.0)
    package33714 (1.0.0)
    package33715 (1.0.0)
    package33716 (1.0.0)
    package33717 (1.0.0)
    package33718 (1.0.0)
    package33719 (1.0.0)
    package33720 (1.0.0)
    package33721 (1.0.0)
    package33722 (1.0.0)
    package33723 (1.0.0)
    package33724 (1.0.0)
    package33725 (1.0.0)
    package33726 (1.0.0)
    package33727 (1.0.0)
    package33728 (1.0.0)
    package33729 (1.0.0)
    package33730 (1.0.0)
    package33731 (1.0.0)
    package33732 (1.0.0)
    package33733 (1.0.0)
    package33734 (1.0.0)
    package33735 (1.0.0)
    package33736 (1.0.0)
    package33737 (1.0.0)
    package33738 (1.0.0)
    package33739 (1.0.0)
    package33740 (1.0.0)
    package33741 (1.0.0)
    package33742 (1.0.0)
    package33743 (1.0.0)
    package33744 (1.0.0)
    package33745 (1.0.0)
    package33746 (1.0.0)
    package33747 (1.0.0)
    package33748 (1.0.0)
    package33749 (1.0.0)
    package33750 (1.0.0)
    package33751 (1.0.0)
    package33752 (1.0.0)
    package33753 (1.0.0)
    package33754 (1.0.0)
    package33755 (1.0.0)
    package33756 (1.0.0)
    package33757 (1.0.0)
    package33758 (1.0.0)
    package33759 (1.0.0)
    package33760 (1.0.0)
    package33761 (1.0.0)
    package33762 (1.0.0)
    package33763 (1.0.0)
    package33764 (1.0.0)
    package33765 (1.0.0)
    package33766 (1.0.0)
    package33767 (1.0.0)
    package33768 (1.0.0)
    package33769 (1.0.0)
    package33770 (1.0.0)
    package33771 (1.0.0)
    package33772 (1.0.0)
    package33773 (1.0.0)
    package33774 (1.0.0)
    package33775 (1.0.0)
    package33776 (1.0.0)
    package33777 (1.0.0)
    package33778 (1.0.0)
    package33779 (1.0.0)
    package33780 (1.0.0)
    package33781 (1.0.0)
    package33782 (1.0.0)
    package33783 (1.0.0)
    package33784 (1.0.0)
    package33785 (1.0.0)
    package33786 (1.0.0)
    package33787 (1.0.0)
    package33788 (1.0.0)
    package33789 (1.0.0)
    package33790 (1.0.0)
    package33791 (1.0.0)
    package33792 (1.0.0)
    package33793 (1.0.0)
    package33794 (1.0.0)
    package33795 (1.0.0)
    package33796 (1.0.0)
    package33797 (1.0.0)
    package33798 (1.0.0)
    package33799 (1.0.0)
    package33800 (1.0.0)
    package33801 (1.0.0)
    package33802 (1.0.0)
    package33803 (1.0.0)
    package33804 (1.0.0)
    package33805 (1.0.0)
    package33806 (1.0.0)
    package33807 (1.0.0)
    package33808 (1.0.0)
    package33809 (1.0.0)
    package33810 (1.0.0)
    package33811 (1.0.0)
    package33812 (1.0.0)
    package33813 (1.0.0)
    package33814 (1.0.0)
    package33815 (1.0.0)
    package33816 (1.0.0)
    package33817 (1.0.0)
    package33818 (1.0.0)
    package33819 (1.0.0)
    package33820 (1.0.0)
    package33821 (1.0.0)
    package33822 (1.0.0)
    package33823 (1.0.0)
    package33824 (1.0.0)
    package33825 (1.0.0)
    package33826 (1.0.0)
    package33827 (1.0.0)
    package33828 (1.0.0)
    package33829 (1.0.0)
    package33830 (1.0.0)
    package33831 (1.0.0)
    package33832 (1.0.0)
    package33833 (1.0.0)
    package33834 (1.0.0)
    package33835 (1.0.0)
    package33836 (1.0.0)
    package33837 (1.0.0)
    package33838 (1.0.0)
    package33839 (1.0.0)
    package33840 (1.0.0)
    package33841 (1.0.0)
    package33842 (1.0.0)
    package33843 (1.0.0)
    package33844 (1.0.0)
    package33845 (1.0.0)
    package33846 (1.0.0)
    package33847 (1.0.0)
    package33848 (1.0.0)
    package33849 (1.0.0)
    package33850 (1.0.0)
    package33851 (1.0.0)
    package33852 (1.0.0)
    package33853 (1.0.0)
    package33854 (1.0.0)
    package33855 (1.0.0)
    package33856 (1.0.0)
    package33857 (1.0.0)
    package33858 (1.0.0)
    package33859 (1.0.0)
    package33860 (1.0.0)
    package33861 (1.0.0)
    package33862 (1.0.0)
    package33863 (1.0.0)
    package33864 (1.0.0)
    package33865 (1.0.0)
    package33866 (1.0.0)
    package33867 (1.0.0)
    package33868 (1.0.0)
    package33869 (1.0.0)
    package33870 (1.0.0)
    package33871 (1.0.0)
    package33872 (1.0.0)
    package33873 (1.0.0)
    package33874 (1.0.0)
    package33875 (1.0.0)
    package33876 (1.0.0)
    package33877 (1.0.0)
    package33878 (1.0.0)
    package33879 (1.0.0)
    package33880 (1.0.0)
    package33881 (1.0.0)
    package33882 (1.0.0)
    package33883 (1.0.0)
    package33884 (1.0.0)
    package33885 (1.0.0)
    package33886 (1.0.0)
    package33887 (1.0.0)
    package33888 (1.0.0)
    package33889 (1.0.0)
    package33890 (1.0.0)
    package33891 (1.0.0)
    package33892 (1.0.0)
    package33893 (1.0.0)
    package33894 (1.0.0)
    package33895 (1.0.0)
    package33896 (1.0.0)
    package33897 (1.0.0)
    package33898 (1.0.0)
    package33899 (1.0.0)
    package33900 (1.0.0)
    package33901 (1.0.0)
    package33902 (1.0.0)
    package33903 (1.0.0)
    package33904 (1.0.0)
    package33905 (1.0.0)
    package33906 (1.0.0)
    package33907 (1.0.0)
    package33908 (1.0.0)
    package33909 (1.0.0)
    package33910 (1.0.0)
    package33911 (1.0.0)
    package33912 (1.0.0)
    package33913 (1.0.0)
    package33914 (1.0.0)
    package33915 (1.0.0)
    package33916 (1.0.0)
    package33917 (1.0.0)
    package33918 (1.0.0)
    package33919 (1.0.0)
    package33920 (1.0.0)
    package33921 (1.0.0)
    package33922 (1.0.0)
    package33923 (1.0.0)
    package33924 (1.0.0)
    package33925 (1.0.0)
    package33926 (1.0.0)
    package33927 (1.0.0)
    package33928 (1.0.0)
    package33929 (1.0.0)
    package33930 (1.0.0)
    package33931 (1.0.0)
    package33932 (1.0.0)
    package33933 (1.0.0)
    package33934 (1.0.0)
    package33935 (1.0.0)
    package33936 (1.0.0)
    package33937 (1.0.0)
    package33938 (1.0.0)
    package33939 (1.0.0)
    package33940 (1.0.0)
    package33941 (1.0.0)
    package33942 (1.0.0)
    package33943 (1.0.0)
    package33944 (1.0.0)
    package33945 (1.0.0)
    package33946 (1.0.0)
    package33947 (1.0.0)
    package33948 (1.0.0)
    package33949 (1.0.0)
    package33950 (1.0.0)
    package33951 (1.0.0)
    package33952 (1.0.0)
    package33953 (1.0.0)
    package33954 (1.0.0)
    package33955 (1.0.0)
    package33956 (1.0.0)
    package33957 (1.0.0)
    package33958 (1.0.0)
    package33959 (1.0.0)
    package33960 (1.0.0)
    package33961 (1.0.0)
    package33962 (1.0.0)
    package33963 (1.0.0)
    package33964 (1.0.0)
    package33965 (1.0.0)
    package33966 (1.0.0)
    package33967 (1.0.0)
    package33968 (1.0.0)
    package33969 (1.0.0)
    package33970 (1.0.0)
    package33971 (1.0.0)
    package33972 (1.0.0)
    package33973 (1.0.0)
    package33974 (1.0.0)
    package33975 (1.0.0)
    package33976 (1.0.0)
    package33977 (1.0.0)
    package33978 (1.0.0)
    package33979 (1.0.0)
    package33980 (1.0.0)
    package33981 (1.0.0)
    package33982 (1.0.0)
    package33983 (1.0.0)
    package33984 (1.0.0)
    package33985 (1.0.0)
    package33986 (1.0.0)
    package33987 (1.0.0)
    package33988 (1.0.0)
    package33989 (1.0.0)
    package33990 (1.0.0)
    package33991 (1.0.0)
    package33992 (1.0.0)
    package33993 (1.0.0)
    package33994 (1.0.0)
    package33995 (1.0.0)
    package33996 (1.0.0)
    package33997 (1.0.0)
    package33998 (1.0.0)
    package33999 (1.0.0)
    package34000 (1.0.0)
    package34001 (1.0.0)
    package34002 (1.0.0)
    package34003 (1.0.0)
    package34004 (1.0.0)
    package34005 (1.0.0)
    package34006 (1.0.0)
    package34007 (1.0.0)
    package34008 (1.0.0)
    package34009 (1.0.0)
    package34010 (1.0.0)
    package34011 (1.0.0)
    package34012 (1.0.0)
    package34013 (1.0.0)
    package34014 (1.0.0)
    package34015 (1.0.0)
    package34016 (1.0.0)
    package34017 (1.0.0)
    package34018 (1.0.0)
    package34019 (1.0.0)
    package34020 (1.0.0)
    package34021 (1.0.0)
    package34022 (1.0.0)
    package34023 (1.0.0)
    package34024 (1.0.0)
    package34025 (1.0.0)
    package34026 (1.0.0)
    package34027 (1.0.0)
    package34028 (1.0.0)
    package34029 (1.0.0)
    package34030 (1.0.0)
    package34031 (1.0.0)
    package34032 (1.0.0)
    package34033 (1.0.0)
    package34034 (1.0.0)
    package34035 (1.0.0)
    package34036 (1.0.0)
    package34037 (1.0.0)
    package34038 (1.0.0)
    package34039 (1.0.0)
    package34040 (1.0.0)
    package34041 (1.0.0)
    package34042 (1.0.0)
    package34043 (1.0.0)
    package34044 (1.0.0)
    package34045 (1.0.0)
    package34046 (1.0.0)
    package34047 (1.0.0)
    package34048 (1.0.0)
    package34049 (1.0.0)
    package34050 (1.0.0)
    package34051 (1.0.0)
    package34052 (1.0.0)
    package34053 (1.0.0)
    package34054 (1.0.0)
    package34055 (1.0.0)
    package34056 (1.0.0)
    package34057 (1.0.0)
    package34058 (1.0.0)
    package34059 (1.0.0)
    package34060 (1.0.0)
    package34061 (1.0.0)
    package34062 (1.0.0)
    package34063 (1.0.0)
    package34064 (1.0.0)
    package34065 (1.0.0)
    package34066 (1.0.0)
    package34067 (1.0.0)
    package34068 (1.0.0)
    package34069 (1.0.0)
    package34070 (1.0.0)
    package34071 (1.0.0)
    package34072 (1.0.0)
    package34073 (1.0.0)
    package34074 (1.0.0)
    package34075 (1.0.0)
    package34076 (1.0.0)
    package34077 (1.0.0)
    package34078 (1.0.0)
    package34079 (1.0.0)
    package34080 (1.0.0)
    package34081 (1.0.0)
    package34082 (1.0.0)
    package34083 (1.0.0)
    package34084 (1.0.0)
    package34085 (1.0.0)
    package34086 (1.0.0)
    package34087 (1.0.0)
    package34088 (1.0.0)
    package34089 (1.0.0)
    package34090 (1.0.0)
    package34091 (1.0.0)
    package34092 (1.0.0)
    package34093 (1.0.0)
    package34094 (1.0.0)
    package34095 (1.0.0)
    package34096 (1.0.0)
    package34097 (1.0.0)
    package34098 (1.0.0)
    package34099 (1.0.0)
    package34100 (1.0.0)
    package34101 (1.0.0)
    package34102 (1.0.0)
    package34103 (1.0.0)
    package34104 (1.0.0)
    package34105 (1.0.0)
    package34106 (1.0.0)
    package34107 (1.0.0)
    package34108 (1.0.0)
    package34109 (1.0.0)
    package34110 (1.0.0)
    package34111 (1.0.0)
    package34112 (1.0.0)
    package34113 (1.0.0)
    package34114 (1.0.0)
    package34115 (1.0.0)
    package34116 (1.0.0)
    package34117 (1.0.0)
    package34118 (1.0.0)
    package34119 (1.0.0)
    package34120 (1.0.0)
    package34121 (1.0.0)
    package34122 (1.0.0)
    package34123 (1.0.0)
    package34124 (1.0.0)
    package34125 (1.0.0)
    package34126 (1.0.0)
    package34127 (1.0.0)
    package34128 (1.0.0)
    package34129 (1.0.0)
    package34130 (1.0.0)
    package34131 (1.0.0)
    package34132 (1.0.0)
    package34133 (1.0.0)
    package34134 (1.0.0)
    package34135 (1.0.0)
    package34136 (1.0.0)
    package34137 (1.0.0)
    package34138 (1.0.0)
    package34139 (1.0.0)
    package34140 (1.0.0)
    package34141 (1.0.0)
    package34142 (1.0.0)
    package34143 (1.0.0)
    package34144 (1.0.0)
    package34145 (1.0.0)
    package34146 (1.0.0)
    package34147 (1.0.0)
    package34148 (1.0.0)
    package34149 (1.0.0)
    package34150 (1.0.0)
    package34151 (1.0.0)
    package34152 (1.0.0)
    package34153 (1.0.0)
    package34154 (1.0.0)
    package34155 (1.0.0)
    package34156 (1.0.0)
    package34157 (1.0.0)
    package34158 (1.0.0)
    package34159 (1.0.0)
    package34160 (1.0.0)
    package34161 (1.0.0)
    package34162 (1.0.0)
    package34163 (1.0.0)
    package34164 (1.0.0)
    package34165 (1.0.0)
    package34166 (1.0.0)
    package34167 (1.0.0)
    package34168 (1.0.0)
    package34169 (1.0.0)
    package34170 (1.0.0)
    package34171 (1.0.0)
    package34172 (1.0.0)
    package34173 (1.0.0)
    package34174 (1.0.0)
    package34175 (1.0.0)
    package34176 (1.0.0)
    package34177 (1.0.0)
    package34178 (1.0.0)
    package34179 (1.0.0)
    package34180 (1.0.0)
    package34181 (1.0.0)
    package34182 (1.0.0)
    package34183 (1.0.0)
    package34184 (1.0.0)
    package34185 (1.0.0)
    package34186 (1.0.0)
    package34187 (1.0.0)
    package34188 (1.0.0)
    package34189 (1.0.0)
    package34190 (1.0.0)
    package34191 (1.0.0)
    package34192 (1.0.0)
    package34193 (1.0.0)
    package34194 (1.0.0)
    package34195 (1.0.0)
    package34196 (1.0.0)
    package34197 (1.0.0)
    package34198 (1.0.0)
    package34199 (1.0.0)
    package34200 (1.0.0)
    package34201 (1.0.0)
    package34202 (1.0.0)
    package34203 (1.0.0)
    package34204 (1.0.0)
    package34205 (1.0.0)
    package34206 (1.0.0)
    package34207 (1.0.0)
    package34208 (1.0.0)
    package34209 (1.0.0)
    package34210 (1.0.0)
    package34211 (1.0.0)
    package34212 (1.0.0)
    package34213 (1.0.0)
    package34214 (1.0.0)
    package34215 (1.0.0)
    package34216 (1.0.0)
    package34217 (1.0.0)
    package34218 (1.0.0)
    package34219 (1.0.0)
    package34220 (1.0.0)
    package34221 (1.0.0)
    package34222 (1.0.0)
    package34223 (1.0.0)
    package34224 (1.0.0)
    package34225 (1.0.0)
    package34226 (1.0.0)
    package34227 (1.0.0)
    package34228 (1.0.0)
    package34229 (1.0.0)
    package34230 (1.0.0)
    package34231 (1.0.0)
    package34232 (1.0.0)
    package34233 (1.0.0)
    package34234 (1.0.0)
    package34235 (1.0.0)
    package34236 (1.0.0)
    package34237 (1.0.0)
    package34238 (1.0.0)
    package34239 (1.0.0)
    package34240 (1.0.0)
    package34241 (1.0.0)
    package34242 (1.0.0)
    package34243 (1.0.0)
    package34244 (1.0.0)
    package34245 (1.0.0)
    package34246 (1.0.0)
    package34247 (1.0.0)
    package34248 (1.0.0)
    package34249 (1.0.0)
    package34250 (1.0.0)
    package34251 (1.0.0)
    package34252 (1.0.0)
    package34253 (1.0.0)
    package34254 (1.0.0)
    package34255 (1.0.0)
    package34256 (1.0.0)
    package34257 (1.0.0)
    package34258 (1.0.0)
    package34259 (1.0.0)
    package34260 (1.0.0)
    package34261 (1.0.0)
    package34262 (1.0.0)
    package34263 (1.0.0)
    package34264 (1.0.0)
    package34265 (1.0.0)
    package34266 (1.0.0)
    package34267 (1.0.0)
    package34268 (1.0.0)
    package34269 (1.0.0)
    package34270 (1.0.0)
    package34271 (1.0.0)
    package34272 (1.0.0)
    package34273 (1.0.0)
    package34274 (1.0.0)
    package34275 (1.0.0)
    package34276 (1.0.0)
    package34277 (1.0.0)
    package34278 (1.0.0)
    package34279 (1.0.0)
    package34280 (1.0.0)
    package34281 (1.0.0)
    package34282 (1.0.0)
    package34283 (1.0.0)
    package34284 (1.0.0)
    package34285 (1.0.0)
    package34286 (1.0.0)
    package34287 (1.0.0)
    package34288 (1.0.0)
    package34289 (1.0.0)
    package34290 (1.0.0)
    package34291 (1.0.0)
    package34292 (1.0.0)
    package34293 (1.0.0)
    package34294 (1.0.0)
    package34295 (1.0.0)
    package34296 (1.0.0)
    package34297 (1.0.0)
    package34298 (1.0.0)
    package34299 (1.0.0)
    package34300 (1.0.0)
    package34301 (1.0.0)
    package34302 (1.0.0)
    package34303 (1.0.0)
    package34304 (1.0.0)
    package34305 (1.0.0)
    package34306 (1.0.0)
    package34307 (1.0.0)
    package34308 (1.0.0)
    package34309 (1.0.0)
    package34310 (1.0.0)
    package34311 (1.0.0)
    package34312 (1.0.0)
    package34313 (1.0.0)
    package34314 (1.0.0)
    package34315 (1.0.0)
    package34316 (1.0.0)
    package34317 (1.0.0)
    package34318 (1.0.0)
    package34319 (1.0.0)
    package34320 (1.0.0)
    package34321 (1.0.0)
    package34322 (1.0.0)
    package34323 (1.0.0)
    package34324 (1.0.0)
    package34325 (1.0.0)
    package34326 (1.0.0)
    package34327 (1.0.0)
    package34328 (1.0.0)
    package34329 (1.0.0)
    package34330 (1.0.0)
    package34331 (1.0.0)
    package34332 (1.0.0)
    package34333 (1.0.0)
    package34334 (1.0.0)
    package34335 (1.0.0)
    package34336 (1.0.0)
    package34337 (1.0.0)
    package34338 (1.0.0)
    package34339 (1.0.0)
    package34340 (1.0.0)
    package34341 (1.0.0)
    package34342 (1.0.0)
    package34343 (1.0.0)
    package34344 (1.0.0)
    package34345 (1.0.0)
    package34346 (1.0.0)
    package34347 (1.0.0)
    package34348 (1.0.0)
    package34349 (1.0.0)
    package34350 (1.0.0)
    package34351 (1.0.0)
    package34352 (1.0.0)
    package34353 (1.0.0)
    package34354 (1.0.0)
    package34355 (1.0.0)
    package34356 (1.0.0)
    package34357 (1.0.0)
    package34358 (1.0.0)
    package34359 (1.0.0)
    package34360 (1.0.0)
    package34361 (1.0.0)
    package34362 (1.0.0)
    package34363 (1.0.0)
    package34364 (1.0.0)
    package34365 (1.0.0)
    package34366 (1.0.0)
    package34367 (1.0.0)
    package34368 (1.0.0)
    package34369 (1.0.0)
    package34370 (1.0.0)
    package34371 (1.0.0)
    package34372 (1.0.0)
    package34373 (1.0.0)
    package34374 (1.0.0)
    package34375 (1.0.0)
    package34376 (1.0.0)
    package34377 (1.0.0)
    package34378 (1.0.0)
    package34379 (1.0.0)
    package34380 (1.0.0)
    package34381 (1.0.0)
    package34382 (1.0.0)
    package34383 (1.0.0)
    package34384 (1.0.0)
    package34385 (1.0.0)
    package34386 (1.0.0)
    package34387 (1.0.0)
    package34388 (1.0.0)
    package34389 (1.0.0)
    package34390 (1.0.0)
    package34391 (1.0.0)
    package34392 (1.0.0)
    package34393 (1.0.0)
    package34394 (1.0.0)
    package34395 (1.0.0)
    package34396 (1.0.0)
    package34397 (1.0.0)
    package34398 (1.0.0)
    package34399 (1.0.0)
    package34400 (1.0.0)
    package34401 (1.0.0)
    package34402 (1.0.0)
    package34403 (1.0.0)
    package34404 (1.0.0)
    package34405 (1.0.0)
    package34406 (1.0.0)
    package34407 (1.0.0)
    package34408 (1.0.0)
    package34409 (1.0.0)
    package34410 (1.0.0)
    package34411 (1.0.0)
    package34412 (1.0.0)
    package34413 (1.0.0)
    package34414 (1.0.0)
    package34415 (1.0.0)
    package34416 (1.0.0)
    package34417 (1.0.0)
    package34418 (1.0.0)
    package34419 (1.0.0)
    package34420 (1.0.0)
    package34421 (1.0.0)
    package34422 (1.0.0)
    package34423 (1.0.0)
    package34424 (1.0.0)
    package34425 (1.0.0)
    package34426 (1.0.0)
    package34427 (1.0.0)
    package34428 (1.0.0)
    package34429 (1.0.0)
    package34430 (1.0.0)
    package34431 (1.0.0)
    package34432 (1.0.0)
    package34433 (1.0.0)
    package34434 (1.0.0)
    package34435 (1.0.0)
    package34436 (1.0.0)
    package34437 (1.0.0)
    package34438 (1.0.0)
    package34439 (1.0.0)
    package34440 (1.0.0)
    package34441 (1.0.0)
    package34442 (1.0.0)
    package34443 (1.0.0)
    package34444 (1.0.0)
    package34445 (1.0.0)
    package34446 (1.0.0)
    package34447 (1.0.0)
    package34448 (1.0.0)
    package34449 (1.0.0)
    package34450 (1.0.0)
    package34451 (1.0.0)
    package34452 (1.0.0)
    package34453 (1.0.0)
    package34454 (1.0.0)
    package34455 (1.0.0)
    package34456 (1.0.0)
    package34457 (1.0.0)
    package34458 (1.0.0)
    package34459 (1.0.0)
    package34460 (1.0.0)
    package34461 (1.0.0)
    package34462 (1.0.0)
    package34463 (1.0.0)
    package34464 (1.0.0)
    package34465 (1.0.0)
    package34466 (1.0.0)
    package34467 (1.0.0)
    package34468 (1.0.0)
    package34469 (1.0.0)
    package34470 (1.0.0)
    package34471 (1.0.0)
    package34472 (1.0.0)
    package34473 (1.0.0)
    package34474 (1.0.0)
    package34475 (1.0.0)
    package34476 (1.0.0)
    package34477 (1.0.0)
    package34478 (1.0.0)
    package34479 (1.0.0)
    package34480 (1.0.0)
    package34481 (1.0.0)
    package34482 (1.0.0)
    package34483 (1.0.0)
    package34484 (1.0.0)
    package34485 (1.0.0)
    package34486 (1.0.0)
    package34487 (1.0.0)
    package34488 (1.0.0)
    package34489 (1.0.0)
    package34490 (1.0.0)
    package34491 (1.0.0)
    package34492 (1.0.0)
    package34493 (1.0.0)
    package34494 (1.0.0)
    package34495 (1.0.0)
    package34496 (1.0.0)
    package34497 (1.0.0)
    package34498 (1.0.0)
    package34499 (1.0.0)
    package34500 (1.0.0)
    package34501 (1.0.0)
    package34502 (1.0.0)
    package34503 (1.0.0)
    package34504 (1.0.0)
    package34505 (1.0.0)
    package34506 (1.0.0)
    package34507 (1.0.0)
    package34508 (1.0.0)
    package34509 (1.0.0)
    package34510 (1.0.0)
    package34511 (1.0.0)
    package34512 (1.0.0)
    package34513 (1.0.0)
    package34514 (1.0.0)
    package34515 (1.0.0)
    package34516 (1.0.0)
    package34517 (1.0.0)
    package34518 (1.0.0)
    package34519 (1.0.0)
    package34520 (1.0.0)
    package34521 (1.0.0)
    package34522 (1.0.0)
    package34523 (1.0.0)
    package34524 (1.0.0)
    package34525 (1.0.0)
    package34526 (1.0.0)
    package34527 (1.0.0)
    package34528 (1.0.0)
    package34529 (1.0.0)
    package34530 (1.0.0)
    package34531 (1.0.0)
    package34532 (1.0.0)
    package34533 (1.0.0)
    package34534 (1.0.0)
    package34535 (1.0.0)
    package34536 (1.0.0)
    package34537 (1.0.0)
    package34538 (1.0.0)
    package34539 (1.0.0)
    package34540 (1.0.0)
    package34541 (1.0.0)
    package34542 (1.0.0)
    package34543 (1.0.0)
    package34544 (1.0.0)
    package34545 (1.0.0)
    package34546 (1.0.0)
    package34547 (1.0.0)
    package34548 (1.0.0)
    package34549 (1.0.0)
    package34550 (1.0.0)
    package34551 (1.0.0)
    package34552 (1.0.0)
    package34553 (1.0.0)
    package34554 (1.0.0)
    package34555 (1.0.0)
    package34556 (1.0.0)
    package34557 (1.0.0)
    package34558 (1.0.0)
    package34559 (1.0.0)
    package34560 (1.0.0)
    package34561 (1.0.0)
    package34562 (1.0.0)
    package34563 (1.0.0)
    package34564 (1.0.0)
    package34565 (1.0.0)
    package34566 (1.0.0)
    package34567 (1.0.0)
    package34568 (1.0.0)
    package34569 (1.0.0)
    package34570 (1.0.0)
    package34571 (1.0.0)
    package34572 (1.0.0)
    package34573 (1.0.0)
    package34574 (1.0.0)
    package34575 (1.0.0)
    package34576 (1.0.0)
    package34577 (1.0.0)
    package34578 (1.0.0)
    package34579 (1.0.0)
    package34580 (1.0.0)
    package34581 (1.0.0)
    package34582 (1.0.0)
    package34583 (1.0.0)
    package34584 (1.0.0)
    package34585 (1.0.0)
    package34586 (1.0.0)
    package34587 (1.0.0)
    package34588 (1.0.0)
    package34589 (1.0.0)
    package34590 (1.0.0)
    package34591 (1.0.0)
    package34592 (1.0.0)
    package34593 (1.0.0)
    package34594 (1.0.0)
    package34595 (1.0.0)
    package34596 (1.0.0)
    package34597 (1.0.0)
    package34598 (1.0.0)
    package34599 (1.0.0)
    package34600 (1.0.0)
    package34601 (1.0.0)
    package34602 (1.0.0)
    package34603 (1.0.0)
    package34604 (1.0.0)
    package34605 (1.0.0)
    package34606 (1.0.0)
    package34607 (1.0.0)
    package34608 (1.0.0)
    package34609 (1.0.0)
    package34610 (1.0.0)
    package34611 (1.0.0)
    package34612 (1.0.0)
    package34613 (1.0.0)
    package34614 (1.0.0)
    package34615 (1.0.0)
    package34616 (1.0.0)
    package34617 (1.0.0)
    package34618 (1.0.0)
    package34619 (1.0.0)
    package34620 (1.0.0)
    package34621 (1.0.0)
    package34622 (1.0.0)
    package34623 (1.0.0)
    package34624 (1.0.0)
    package34625 (1.0.0)
    package34626 (1.0.0)
    package34627 (1.0.0)
    package34628 (1.0.0)
    package34629 (1.0.0)
    package34630 (1.0.0)
    package34631 (1.0.0)
    package34632 (1.0.0)
    package34633 (1.0.0)
    package34634 (1.0.0)
    package34635 (1.0.0)
    package34636 (1.0.0)
    package34637 (1.0.0)
    package34638 (1.0.0)
    package34639 (1.0.0)
    package34640 (1.0.0)
    package34641 (1.0.0)
    package34642 (1.0.0)
    package34643 (1.0.0)
    package34644 (1.0.0)
    package34645 (1.0.0)
    package34646 (1.0.0)
    package34647 (1.0.0)
    package34648 (1.0.0)
    package34649 (1.0.0)
    package34650 (1.0.0)
    package34651 (1.0.0)
    package34652 (1.0.0)
    package34653 (1.0.0)
    package34654 (1.0.0)
    package34655 (1.0.0)
    package34656 (1.0.0)
    package34657 (1.0.0)
    package34658 (1.0.0)
    package34659 (1.0.0)
    package34660 (1.0.0)
    package34661 (1.0.0)
    package34662 (1.0.0)
    package34663 (1.0.0)
    package34664 (1.0.0)
    package34665 (1.0.0)
    package34666 (1.0.0)
    package34667 (1.0.0)
    package34668 (1.0.0)
    package34669 (1.0.0)
    package34670 (1.0.0)
    package34671 (1.0.0)
    package34672 (1.0.0)
    package34673 (1.0.0)
    package34674 (1.0.0)
    package34675 (1.0.0)
    package34676 (1.0.0)
    package34677 (1.0.0)
    package34678 (1.0.0)
    package34679 (1.0.0)
    package34680 (1.0.0)
    package34681 (1.0.0)
    package34682 (1.0.0)
    package34683 (1.0.0)
    package34684 (1.0.0)
    package34685 (1.0.0)
    package34686 (1.0.0)
    package34687 (1.0.0)
    package34688 (1.0.0)
    package34689 (1.0.0)
    package34690 (1.0.0)
    package34691 (1.0.0)
    package34692 (1.0.0)
    package34693 (1.0.0)
    package34694 (1.0.0)
    package34695 (1.0.0)
    package34696 (1.0.0)
    package34697 (1.0.0)
    package34698 (1.0.0)
    package34699 (1.0.0)
    package34700 (1.0.0)
    package34701 (1.0.0)
    package34702 (1.0.0)
    package34703 (1.0.0)
    package34704 (1.0.0)
    package34705 (1.0.0)
    package34706 (1.0.0)
    package34707 (1.0.0)
    package34708 (1.0.0)
    package34709 (1.0.0)
    package34710 (1.0.0)
    package34711 (1.0.0)
    package34712 (1.0.0)
    package34713 (1.0.0)
    package34714 (1.0.0)
    package34715 (1.0.0)
    package34716 (1.0.0)
    package34717 (1.0.0)
    package34718 (1.0.0)
    package34719 (1.0.0)
    package34720 (1.0.0)
    package34721 (1.0.0)
    package34722 (1.0.0)
    package34723 (1.0.0)
    package34724 (1.0.0)
    package34725 (1.0.0)
    package34726 (1.0.0)
    package34727 (1.0.0)
    package34728 (1.0.0)
    package34729 (1.0.0)
    package34730 (1.0.0)
    package34731 (1.0.0)
    package34732 (1.0.0)
    package34733 (1.0.0)
    package34734 (1.0.0)
    package34735 (1.0.0)
    package34736 (1.0.0)
    package34737 (1.0.0)
    package34738 (1.0.0)
    package34739 (1.0.0)
    package34740 (1.0.0)
    package34741 (1.0.0)
    package34742 (1.0.0)
    package34743 (1.0.0)
    package34744 (1.0.0)
    package34745 (1.0.0)
    package34746 (1.0.0)
    package34747 (1.0.0)
    package34748 (1.0.0)
    package34749 (1.0.0)
    package34750 (1.0.0)
    package34751 (1.0.0)
    package34752 (1.0.0)
    package34753 (1.0.0)
    package34754 (1.0.0)
    package34755 (1.0.0)
    package34756 (1.0.0)
    package34757 (1.0.0)
    package34758 (1.0.0)
    package34759 (1.0.0)
    package34760 (1.0.0)
    package34761 (1.0.0)
    package34762 (1.0.0)
    package34763 (1.0.0)
    package34764 (1.0.0)
    package34765 (1.0.0)
    package34766 (1.0.0)
    package34767 (1.0.0)
    package34768 (1.0.0)
    package34769 (1.0.0)
    package34770 (1.0.0)
    package34771 (1.0.0)
    package34772 (1.0.0)
    package34773 (1.0.0)
    package34774 (1.0.0)
    package34775 (1.0.0)
    package34776 (1.0.0)
    package34777 (1.0.0)
    package34778 (1.0.0)
    package34779 (1.0.0)
    package34780 (1.0.0)
    package34781 (1.0.0)
    package34782 (1.0.0)
    package34783 (1.0.0)
    package34784 (1.0.0)
    package34785 (1.0.0)
    package34786 (1.0.0)
    package34787 (1.0.0)
    package34788 (1.0.0)
    package34789 (1.0.0)
    package34790 (1.0.0)
    package34791 (1.0.0)
    package34792 (1.0.0)
    package34793 (1.0.0)
    package34794 (1.0.0)
    package34795 (1.0.0)
    package34796 (1.0.0)
    package34797 (1.0.0)
    package34798 (1.0.0)
    package34799 (1.0.0)
    package34800 (1.0.0)
    package34801 (1.0.0)
    package34802 (1.0.0)
    package34803 (1.0.0)
    package34804 (1.0.0)
    package34805 (1.0.0)
    package34806 (1.0.0)
    package34807 (1.0.0)
    package34808 (1.0.0)
    package34809 (1.0.0)
    package34810 (1.0.0)
    package34811 (1.0.0)
    package34812 (1.0.0)
    package34813 (1.0.0)
    package34814 (1.0.0)
    package34815 (1.0.0)
    package34816 (1.0.0)
    package34817 (1.0.0)
    package34818 (1.0.0)
    package34819 (1.0.0)
    package34820 (1.0.0)
    package34821 (1.0.0)
    package34822 (1.0.0)
    package34823 (1.0.0)
    package34824 (1.0.0)
    package34825 (1.0.0)
    package34826 (1.0.0)
    package34827 (1.0.0)
    package34828 (1.0.0)
    package34829 (1.0.0)
    package34830 (1.0.0)
    package34831 (1.0.0)
    package34832 (1.0.0)
    package34833 (1.0.0)
    package34834 (1.0.0)
    package34835 (1.0.0)
    package34836 (1.0.0)
    package34837 (1.0.0)
    package34838 (1.0.0)
    package34839 (1.0.0)
    package34840 (1.0.0)
    package34841 (1.0.0)
    package34842 (1.0.0)
    package34843 (1.0.0)
    package34844 (1.0.0)
    package34845 (1.0.0)
    package34846 (1.0.0)
    package34847 (1.0.0)
    package34848 (1.0.0)
    package34849 (1.0.0)
    package34850 (1.0.0)
    package34851 (1.0.0)
    package34852 (1.0.0)
    package34853 (1.0.0)
    package34854 (1.0.0)
    package34855 (1.0.0)
    package34856 (1.0.0)
    package34857 (1.0.0)
    package34858 (1.0.0)
    package34859 (1.0.0)
    package34860 (1.0.0)
    package34861 (1.0.0)
    package34862 (1.0.0)
    package34863 (1.0.0)
    package34864 (1.0.0)
    package34865 (1.0.0)
    package34866 (1.0.0)
    package34867 (1.0.0)
    package34868 (1.0.0)
    package34869 (1.0.0)
    package34870 (1.0.0)
    package34871 (1.0.0)
    package34872 (1.0.0)
    package34873 (1.0.0)
    package34874 (1.0.0)
    package34875 (1.0.0)
    package34876 (1.0.0)
    package34877 (1.0.0)
    package34878 (1.0.0)
    package34879 (1.0.0)
    package34880 (1.0.0)
    package34881 (1.0.0)
    package34882 (1.0.0)
    package34883 (1.0.0)
    package34884 (1.0.0)
    package34885 (1.0.0)
    package34886 (1.0.0)
    package34887 (1.0.0)
    package34888 (1.0.0)
    package34889 (1.0.0)
    package34890 (1.0.0)
    package34891 (1.0.0)
    package34892 (1.0.0)
    package34893 (1.0.0)
    package34894 (1.0.0)
    package34895 (1.0.0)
    package34896 (1.0.0)
    package34897 (1.0.0)
    package34898 (1.0.0)
    package34899 (1.0.0)
    package34900 (1.0.0)
    package34901 (1.0.0)
    package34902 (1.0.0)
    package34903 (1.0.0)
    package34904 (1.0.0)
    package34905 (1.0.0)
    package34906 (1.0.0)
    package34907 (1.0.0)
    package34908 (1.0.0)
    package34909 (1.0.0)
    package34910 (1.0.0)
    package34911 (1.0.0)
    package34912 (1.0.0)
    package34913 (1.0.0)
    package34914 (1.0.0)
    package34915 (1.0.0)
    package34916 (1.0.0)
    package34917 (1.0.0)
    package34918 (1.0.0)
    package34919 (1.0.0)
    package34920 (1.0.0)
    package34921 (1.0.0)
    package34922 (1.0.0)
    package34923 (1.0.0)
    package34924 (1.0.0)
    package34925 (1.0.0)
    package34926 (1.0.0)
    package34927 (1.0.0)
    package34928 (1.0.0)
    package34929 (1.0.0)
    package34930 (1.0.0)
    package34931 (1.0.0)
    package34932 (1.0.0)
    package34933 (1.0.0)
    package34934 (1.0.0)
    package34935 (1.0.0)
    package34936 (1.0.0)
    package34937 (1.0.0)
    package34938 (1.0.0)
    package34939 (1.0.0)
    package34940 (1.0.0)
    package34941 (1.0.0)
    package34942 (1.0.0)
    package34943 (1.0.0)
    package34944 (1.0.0)
    package34945 (1.0.0)
    package34946 (1.0.0)
    package34947 (1.0.0)
    package34948 (1.0.0)
    package34949 (1.0.0)
    package34950 (1.0.0)
    package34951 (1.0.0)
    package34952 (1.0.0)
    package34953 (1.0.0)
    package34954 (1.0.0)
    package34955 (1.0.0)
    package34956 (1.0.0)
    package34957 (1.0.0)
    package34958 (1.0.0)
    package34959 (1.0.0)
    package34960 (1.0.0)
    package34961 (1.0.0)
    package34962 (1.0.0)
    package34963 (1.0.0)
    package34964 (1.0.0)
    package34965 (1.0.0)
    package34966 (1.0.0)
    package34967 (1.0.0)
    package34968 (1.0.0)
    package34969 (1.0.0)
    package34970 (1.0.0)
    package34971 (1.0.0)
    package34972 (1.0.0)
    package34973 (1.0.0)
    package34974 (1.0.0)
    package34975 (1.0.0)
    package34976 (1.0.0)
    package34977 (1.0.0)
    package34978 (1.0.0)
    package34979 (1.0.0)
    package34980 (1.0.0)
    package34981 (1.0.0)
    package34982 (1.0.0)
    package34983 (1.0.0)
    package34984 (1.0.0)
    package34985 (1.0.0)
    package34986 (1.0.0)
    package34987 (1.0.0)
    package34988 (1.0.0)
    package34989 (1.0.0)
    package34990 (1.0.0)
    package34991 (1.0.0)
    package34992 (1.0.0)
    package34993 (1.0.0)
    package34994 (1.0.0)
    package34995 (1.0.0)
    package34996 (1.0.0)
    package34997 (1.0.0)
    package34998 (1.0.0)
    package34999 (1.0.0)
    package35000 (1.0.0)
    package35001 (1.0.0)
    package35002 (1.0.0)
    package35003 (1.0.0)
    package35004 (1.0.0)
    package35005 (1.0.0)
    package35006 (1.0.0)
    package35007 (1.0.0)
    package35008 (1.0.0)
    package35009 (1.0.0)
    package35010 (1.0.0)
    package35011 (1.0.0)
    package35012 (1.0.0)
    package35013 (1.0.0)
    package35014 (1.0.0)
    package35015 (1.0.0)
    package35016 (1.0.0)
    package35017 (1.0.0)
    package35018 (1.0.0)
    package35019 (1.0.0)
    package35020 (1.0.0)
    package35021 (1.0.0)
    package35022 (1.0.0)
    package35023 (1.0.0)
    package35024 (1.0.0)
    package35025 (1.0.0)
    package35026 (1.0.0)
    package35027 (1.0.0)
    package35028 (1.0.0)
    package35029 (1.0.0)
    package35030 (1.0.0)
    package35031 (1.0.0)
    package35032 (1.0.0)
    package35033 (1.0.0)
    package35034 (1.0.0)
    package35035 (1.0.0)
    package35036 (1.0.0)
    package35037 (1.0.0)
    package35038 (1.0.0)
    package35039 (1.0.0)
    package35040 (1.0.0)
    package35041 (1.0.0)
    package35042 (1.0.0)
    package35043 (1.0.0)
    package35044 (1.0.0)
    package35045 (1.0.0)
    package35046 (1.0.0)
    package35047 (1.0.0)
    package35048 (1.0.0)
    package35049 (1.0.0)
    package35050 (1.0.0)
    package35051 (1.0.0)
    package35052 (1.0.0)
    package35053 (1.0.0)
    package35054 (1.0.0)
    package35055 (1.0.0)
    package35056 (1.0.0)
    package35057 (1.0.0)
    package35058 (1.0.0)
    package35059 (1.0.0)
    package35060 (1.0.0)
    package35061 (1.0.0)
    package35062 (1.0.0)
    package35063 (1.0.0)
    package35064 (1.0.0)
    package35065 (1.0.0)
    package35066 (1.0.0)
    package35067 (1.0.0)
    package35068 (1.0.0)
    package35069 (1.0.0)
    package35070 (1.0.0)
    package35071 (1.0.0)
    package35072 (1.0.0)
    package35073 (1.0.0)
    package35074 (1.0.0)
    package35075 (1.0.0)
    package35076 (1.0.0)
    package35077 (1.0.0)
    package35078 (1.0.0)
    package35079 (1.0.0)
    package35080 (1.0.0)
    package35081 (1.0.0)
    package35082 (1.0.0)
    package35083 (1.0.0)
    package35084 (1.0.0)
    package35085 (1.0.0)
    package35086 (1.0.0)
    package35087 (1.0.0)
    package35088 (1.0.0)
    package35089 (1.0.0)
    package35090 (1.0.0)
    package35091 (1.0.0)
    package35092 (1.0.0)
    package35093 (1.0.0)
    package35094 (1.0.0)
    package35095 (1.0.0)
    package35096 (1.0.0)
    package35097 (1.0.0)
    package35098 (1.0.0)
    package35099 (1.0.0)
    package35100 (1.0.0)
    package35101 (1.0.0)
    package35102 (1.0.0)
    package35103 (1.0.0)
    package35104 (1.0.0)
    package35105 (1.0.0)
    package35106 (1.0.0)
    package35107 (1.0.0)
    package35108 (1.0.0)
    package35109 (1.0.0)
    package35110 (1.0.0)
    package35111 (1.0.0)
    package35112 (1.0.0)
    package35113 (1.0.0)
    package35114 (1.0.0)
    package35115 (1.0.0)
    package35116 (1.0.0)
    package35117 (1.0.0)
    package35118 (1.0.0)
    package35119 (1.0.0)
    package35120 (1.0.0)
    package35121 (1.0.0)
    package35122 (1.0.0)
    package35123 (1.0.0)
    package35124 (1.0.0)
    package35125 (1.0.0)
    package35126 (1.0.0)
    package35127 (1.0.0)
    package35128 (1.0.0)
    package35129 (1.0.0)
    package35130 (1.0.0)
    package35131 (1.0.0)
    package35132 (1.0.0)
    package35133 (1.0.0)
    package35134 (1.0.0)
    package35135 (1.0.0)
    package35136 (1.0.0)
    package35137 (1.0.0)
    package35138 (1.0.0)
    package35139 (1.0.0)
    package35140 (1.0.0)
    package35141 (1.0.0)
    package35142 (1.0.0)
    package35143 (1.0.0)
    package35144 (1.0.0)
    package35145 (1.0.0)
    package35146 (1.0.0)
    package35147 (1.0.0)
    package35148 (1.0.0)
    package35149 (1.0.0)
    package35150 (1.0.0)
    package35151 (1.0.0)
    package35152 (1.0.0)
    package35153 (1.0.0)
    package35154 (1.0.0)
    package35155 (1.0.0)
    package35156 (1.0.0)
    package35157 (1.0.0)
    package35158 (1.0.0)
    package35159 (1.0.0)
    package35160 (1.0.0)
    package35161 (1.0.0)
    package35162 (1.0.0)
    package35163 (1.0.0)
    package35164 (1.0.0)
    package35165 (1.0.0)
    package35166 (1.0.0)
    package35167 (1.0.0)
    package35168 (1.0.0)
    package35169 (1.0.0)
    package35170 (1.0.0)
    package35171 (1.0.0)
    package35172 (1.0.0)
    package35173 (1.0.0)
    package35174 (1.0.0)
    package35175 (1.0.0)
    package35176 (1.0.0)
    package35177 (1.0.0)
    package35178 (1.0.0)
    package35179 (1.0.0)
    package35180 (1.0.0)
    package35181 (1.0.0)
    package35182 (1.0.0)
    package35183 (1.0.0)
    package35184 (1.0.0)
    package35185 (1.0.0)
    package35186 (1.0.0)
    package35187 (1.0.0)
    package35188 (1.0.0)
    package35189 (1.0.0)
    package35190 (1.0.0)
    package35191 (1.0.0)
    package35192 (1.0.0)
    package35193 (1.0.0)
    package35194 (1.0.0)
    package35195 (1.0.0)
    package35196 (1.0.0)
    package35197 (1.0.0)
    package35198 (1.0.0)
    package35199 (1.0.0)
    package35200 (1.0.0)
    package35201 (1.0.0)
    package35202 (1.0.0)
    package35203 (1.0.0)
    package35204 (1.0.0)
    package35205 (1.0.0)
    package35206 (1.0.0)
    package35207 (1.0.0)
    package35208 (1.0.0)
    package35209 (1.0.0)
    package35210 (1.0.0)
    package35211 (1.0.0)
    package35212 (1.0.0)
    package35213 (1.0.0)
    package35214 (1.0.0)
    package35215 (1.0.0)
    package35216 (1.0.0)
    package35217 (1.0.0)
    package35218 (1.0.0)
    package35219 (1.0.0)
    package35220 (1.0.0)
    package35221 (1.0.0)
    package35222 (1.0.0)
    package35223 (1.0.0)
    package35224 (1.0.0)
    package35225 (1.0.0)
    package35226 (1.0.0)
    package35227 (1.0.0)
    package35228 (1.0.0)
    package35229 (1.0.0)
    package35230 (1.0.0)
    package35231 (1.0.0)
    package35232 (1.0.0)
    package35233 (1.0.0)
    package35234 (1.0.0)
    package35235 (1.0.0)
    package35236 (1.0.0)
    package35237 (1.0.0)
    package35238 (1.0.0)
    package35239 (1.0.0)
    package35240 (1.0.0)
    package35241 (1.0.0)
    package35242 (1.0.0)
    package35243 (1.0.0)
    package35244 (1.0.0)
    package35245 (1.0.0)
    package35246 (1.0.0)
    package35247 (1.0.0)
    package35248 (1.0.0)
    package35249 (1.0.0)
    package35250 (1.0.0)
    package35251 (1.0.0)
    package35252 (1.0.0)
    package35253 (1.0.0)
    package35254 (1.0.0)
    package35255 (1.0.0)
    package35256 (1.0.0)
    package35257 (1.0.0)
    package35258 (1.0.0)
    package35259 (1.0.0)
    package35260 (1.0.0)
    package35261 (1.0.0)
    package35262 (1.0.0)
    package35263 (1.0.0)
    package35264 (1.0.0)
    package35265 (1.0.0)
    package35266 (1.0.0)
    package35267 (1.0.0)
    package35268 (1.0.0)
    package35269 (1.0.0)
    package35270 (1.0.0)
    package35271 (1.0.0)
    package35272 (1.0.0)
    package35273 (1.0.0)
    package35274 (1.0.0)
    package35275 (1.0.0)
    package35276 (1.0.0)
    package35277 (1.0.0)
    package35278 (1.0.0)
    package35279 (1.0.0)
    package35280 (1.0.0)
    package35281 (1.0.0)
    package35282 (1.0.0)
    package35283 (1.0.0)
    package35284 (1.0.0)
    package35285 (1.0.0)
    package35286 (1.0.0)
    package35287 (1.0.0)
    package35288 (1.0.0)
    package35289 (1.0.0)
    package35290 (1.0.0)
    package35291 (1.0.0)
    package35292 (1.0.0)
    package35293 (1.0.0)
    package35294 (1.0.0)
    package35295 (1.0.0)
    package35296 (1.0.0)
    package35297 (1.0.0)
    package35298 (1.0.0)
    package35299 (1.0.0)
    package35300 (1.0.0)
    package35301 (1.0.0)
    package35302 (1.0.0)
    package35303 (1.0.0)
    package35304 (1.0.0)
    package35305 (1.0.0)
    package35306 (1.0.0)
    package35307 (1.0.0)
    package35308 (1.0.0)
    package35309 (1.0.0)
    package35310 (1.0.0)
    package35311 (1.0.0)
    package35312 (1.0.0)
    package35313 (1.0.0)
    package35314 (1.0.0)
    package35315 (1.0.0)
    package35316 (1.0.0)
    package35317 (1.0.0)
    package35318 (1.0.0)
    package35319 (1.0.0)
    package35320 (1.0.0)
    package35321 (1.0.0)
    package35322 (1.0.0)
    package35323 (1.0.0)
    package35324 (1.0.0)
    package35325 (1.0.0)
    package35326 (1.0.0)
    package35327 (1.0.0)
    package35328 (1.0.0)
    package35329 (1.0.0)
    package35330 (1.0.0)
    package35331 (1.0.0)
    package35332 (1.0.0)
    package35333 (1.0.0)
    package35334 (1.0.0)
    package35335 (1.0.0)
    package35336 (1.0.0)
    package35337 (1.0.0)
    package35338 (1.0.0)
    package35339 (1.0.0)
    package35340 (1.0.0)
    package35341 (1.0.0)
    package35342 (1.0.0)
    package35343 (1.0.0)
    package35344 (1.0.0)
    package35345 (1.0.0)
    package35346 (1.0.0)
    package35347 (1.0.0)
    package35348 (1.0.0)
    package35349 (1.0.0)
    package35350 (1.0.0)
    package35351 (1.0.0)
    package35352 (1.0.0)
    package35353 (1.0.0)
    package35354 (1.0.0)
    package35355 (1.0.0)
    package35356 (1.0.0)
    package35357 (1.0.0)
    package35358 (1.0.0)
    package35359 (1.0.0)
    package35360 (1.0.0)
    package35361 (1.0.0)
    package35362 (1.0.0)
    package35363 (1.0.0)
    package35364 (1.0.0)
    package35365 (1.0.0)
    package35366 (1.0.0)
    package35367 (1.0.0)
    package35368 (1.0.0)
    package35369 (1.0.0)
    package35370 (1.0.0)
    package35371 (1.0.0)
    package35372 (1.0.0)
    package35373 (1.0.0)
    package35374 (1.0.0)
    package35375 (1.0.0)
    package35376 (1.0.0)
    package35377 (1.0.0)
    package35378 (1.0.0)
    package35379 (1.0.0)
    package35380 (1.0.0)
    package35381 (1.0.0)
    package35382 (1.0.0)
    package35383 (1.0.0)
    package35384 (1.0.0)
    package35385 (1.0.0)
    package35386 (1.0.0)
    package35387 (1.0.0)
    package35388 (1.0.0)
    package35389 (1.0.0)
    package35390 (1.0.0)
    package35391 (1.0.0)
    package35392 (1.0.0)
    package35393 (1.0.0)
    package35394 (1.0.0)
    package35395 (1.0.0)
    package35396 (1.0.0)
    package35397 (1.0.0)
    package35398 (1.0.0)
    package35399 (1.0.0)
    package35400 (1.0.0)
    package35401 (1.0.0)
    package35402 (1.0.0)
    package35403 (1.0.0)
    package35404 (1.0.0)
    package35405 (1.0.0)
    package35406 (1.0.0)
    package35407 (1.0.0)
    package35408 (1.0.0)
    package35409 (1.0.0)
    package35410 (1.0.0)
    package35411 (1.0.0)
    package35412 (1.0.0)
    package35413 (1.0.0)
    package35414 (1.0.0)
    package35415 (1.0.0)
    package35416 (1.0.0)
    package35417 (1.0.0)
    package35418 (1.0.0)
    package35419 (1.0.0)
    package35420 (1.0.0)
    package35421 (1.0.0)
    package35422 (1.0.0)
    package35423 (1.0.0)
    package35424 (1.0.0)
    package35425 (1.0.0)
    package35426 (1.0.0)
    package35427 (1.0.0)
    package35428 (1.0.0)
    package35429 (1.0.0)
    package35430 (1.0.0)
    package35431 (1.0.0)
    package35432 (1.0.0)
    package35433 (1.0.0)
    package35434 (1.0.0)
    package35435 (1.0.0)
    package35436 (1.0.0)
    package35437 (1.0.0)
    package35438 (1.0.0)
    package35439 (1.0.0)
    package35440 (1.0.0)
    package35441 (1.0.0)
    package35442 (1.0.0)
    package35443 (1.0.0)
    package35444 (1.0.0)
    package35445 (1.0.0)
    package35446 (1.0.0)
    package35447 (1.0.0)
    package35448 (1.0.0)
    package35449 (1.0.0)
    package35450 (1.0.0)
    package35451 (1.0.0)
    package35452 (1.0.0)
    package35453 (1.0.0)
    package35454 (1.0.0)
    package35455 (1.0.0)
    package35456 (1.0.0)
    package35457 (1.0.0)
    package35458 (1.0.0)
    package35459 (1.0.0)
    package35460 (1.0.0)
    package35461 (1.0.0)
    package35462 (1.0.0)
    package35463 (1.0.0)
    package35464 (1.0.0)
    package35465 (1.0.0)
    package35466 (1.0.0)
    package35467 (1.0.0)
    package35468 (1.0.0)
    package35469 (1.0.0)
    package35470 (1.0.0)
    package35471 (1.0.0)
    package35472 (1.0.0)
    package35473 (1.0.0)
    package35474 (1.0.0)
    package35475 (1.0.0)
    package35476 (1.0.0)
    package35477 (1.0.0)
    package35478 (1.0.0)
    package35479 (1.0.0)
    package35480 (1.0.0)
    package35481 (1.0.0)
    package35482 (1.0.0)
    package35483 (1.0.0)
    package35484 (1.0.0)
    package35485 (1.0.0)
    package35486 (1.0.0)
    package35487 (1.0.0)
    package35488 (1.0.0)
    package35489 (1.0.0)
    package35490 (1.0.0)
    package35491 (1.0.0)
    package35492 (1.0.0)
    package35493 (1.0.0)
    package35494 (1.0.0)
    package35495 (1.0.0)
    package35496 (1.0.0)
    package35497 (1.0.0)
    package35498 (1.0.0)
    package35499 (1.0.0)
    package35500 (1.0.0)
    package35501 (1.0.0)
    package35502 (1.0.0)
    package35503 (1.0.0)
    package35504 (1.0.0)
    package35505 (1.0.0)
    package35506 (1.0.0)
    package35507 (1.0.0)
    package35508 (1.0.0)
    package35509 (1.0.0)
    package35510 (1.0.0)
    package35511 (1.0.0)
    package35512 (1.0.0)
    package35513 (1.0.0)
    package35514 (1.0.0)
    package35515 (1.0.0)
    package35516 (1.0.0)
    package35517 (1.0.0)
    package35518 (1.0.0)
    package35519 (1.0.0)
    package35520 (1.0.0)
    package35521 (1.0.0)
    package35522 (1.0.0)
    package35523 (1.0.0)
    package35524 (1.0.0)
    package35525 (1.0.0)
    package35526 (1.0.0)
    package35527 (1.0.0)
    package35528 (1.0.0)
    package35529 (1.0.0)
    package35530 (1.0.0)
    package35531 (1.0.0)
    package35532 (1.0.0)
    package35533 (1.0.0)
    package35534 (1.0.0)
    package35535 (1.0.0)
    package35536 (1.0.0)
    package35537 (1.0.0)
    package35538 (1.0.0)
    package35539 (1.0.0)
    package35540 (1.0.0)
    package35541 (1.0.0)
    package35542 (1.0.0)
    package35543 (1.0.0)
    package35544 (1.0.0)
    package35545 (1.0.0)
    package35546 (1.0.0)
    package35547 (1.0.0)
    package35548 (1.0.0)
    package35549 (1.0.0)
    package35550 (1.0.0)
    package35551 (1.0.0)
    package35552 (1.0.0)
    package35553 (1.0.0)
    package35554 (1.0.0)
    package35555 (1.0.0)
    package35556 (1.0.0)
    package35557 (1.0.0)
    package35558 (1.0.0)
    package35559 (1.0.0)
    package35560 (1.0.0)
    package35561 (1.0.0)
    package35562 (1.0.0)
    package35563 (1.0.0)
    package35564 (1.0.0)
    package35565 (1.0.0)
    package35566 (1.0.0)
    package35567 (1.0.0)
    package35568 (1.0.0)
    package35569 (1.0.0)
    package35570 (1.0.0)
    package35571 (1.0.0)
    package35572 (1.0.0)
    package35573 (1.0.0)
    package35574 (1.0.0)
    package35575 (1.0.0)
    package35576 (1.0.0)
    package35577 (1.0.0)
    package35578 (1.0.0)
    package35579 (1.0.0)
    package35580 (1.0.0)
    package35581 (1.0.0)
    package35582 (1.0.0)
    package35583 (1.0.0)
    package35584 (1.0.0)
    package35585 (1.0.0)
    package35586 (1.0.0)
    package35587 (1.0.0)
    package35588 (1.0.0)
    package35589 (1.0.0)
    package35590 (1.0.0)
    package35591 (1.0.0)
    package35592 (1.0.0)
    package35593 (1.0.0)
    package35594 (1.0.0)
    package35595 (1.0.0)
    package35596 (1.0.0)
    package35597 (1.0.0)
    package35598 (1.0.0)
    package35599 (1.0.0)
    package35600 (1.0.0)
    package35601 (1.0.0)
    package35602 (1.0.0)
    package35603 (1.0.0)
    package35604 (1.0.0)
    package35605 (1.0.0)
    package35606 (1.0.0)
    package35607 (1.0.0)
    package35608 (1.0.0)
    package35609 (1.0.0)
    package35610 (1.0.0)
    package35611 (1.0.0)
    package35612 (1.0.0)
    package35613 (1.0.0)
    package35614 (1.0.0)
    package35615 (1.0.0)
    package35616 (1.0.0)
    package35617 (1.0.0)
    package35618 (1.0.0)
    package35619 (1.0.0)
    package35620 (1.0.0)
    package35621 (1.0.0)
    package35622 (1.0.0)
    package35623 (1.0.0)
    package35624 (1.0.0)
    package35625 (1.0.0)
    package35626 (1.0.0)
    package35627 (1.0.0)
    package35628 (1.0.0)
    package35629 (1.0.0)
    package35630 (1.0.0)
    package35631 (1.0.0)
    package35632 (1.0.0)
    package35633 (1.0.0)
    package35634 (1.0.0)
    package35635 (1.0.0)
    package35636 (1.0.0)
    package35637 (1.0.0)
    package35638 (1.0.0)
    package35639 (1.0.0)
    package35640 (1.0.0)
    package35641 (1.0.0)
    package35642 (1.0.0)
    package35643 (1.0.0)
    package35644 (1.0.0)
    package35645 (1.0.0)
    package35646 (1.0.0)
    package35647 (1.0.0)
    package35648 (1.0.0)
    package35649 (1.0.0)
    package35650 (1.0.0)
    package35651 (1.0.0)
    package35652 (1.0.0)
    package35653 (1.0.0)
    package35654 (1.0.0)
    package35655 (1.0.0)
    package35656 (1.0.0)
    package35657 (1.0.0)
    package35658 (1.0.0)
    package35659 (1.0.0)
    package35660 (1.0.0)
    package35661 (1.0.0)
    package35662 (1.0.0)
    package35663 (1.0.0)
    package35664 (1.0.0)
    package35665 (1.0.0)
    package35666 (1.0.0)
    package35667 (1.0.0)
    package35668 (1.0.0)
    package35669 (1.0.0)
    package35670 (1.0.0)
    package35671 (1.0.0)
    package35672 (1.0.0)
    package35673 (1.0.0)
    package35674 (1.0.0)
    package35675 (1.0.0)
    package35676 (1.0.0)
    package35677 (1.0.0)
    package35678 (1.0.0)
    package35679 (1.0.0)
    package35680 (1.0.0)
    package35681 (1.0.0)
    package35682 (1.0.0)
    package35683 (1.0.0)
    package35684 (1.0.0)
    package35685 (1.0.0)
    package35686 (1.0.0)
    package35687 (1.0.0)
    package35688 (1.0.0)
    package35689 (1.0.0)
    package35690 (1.0.0)
    package35691 (1.0.0)
    package35692 (1.0.0)
    package35693 (1.0.0)
    package35694 (1.0.0)
    package35695 (1.0.0)
    package35696 (1.0.0)
    package35697 (1.0.0)
    package35698 (1.0.0)
    package35699 (1.0.0)
    package35700 (1.0.0)
    package35701 (1.0.0)
    package35702 (1.0.0)
    package35703 (1.0.0)
    package35704 (1.0.0)
    package35705 (1.0.0)
    package35706 (1.0.0)
    package35707 (1.0.0)
    package35708 (1.0.0)
    package35709 (1.0.0)
    package35710 (1.0.0)
    package35711 (1.0.0)
    package35712 (1.0.0)
    package35713 (1.0.0)
    package35714 (1.0.0)
    package35715 (1.0.0)
    package35716 (1.0.0)
    package35717 (1.0.0)
    package35718 (1.0.0)
    package35719 (1.0.0)
    package35720 (1.0.0)
    package35721 (1.0.0)
    package35722 (1.0.0)
    package35723 (1.0.0)
    package35724 (1.0.0)
    package35725 (1.0.0)
    package35726 (1.0.0)
    package35727 (1.0.0)
    package35728 (1.0.0)
    package35729 (1.0.0)
    package35730 (1.0.0)
    package35731 (1.0.0)
    package35732 (1.0.0)
    package35733 (1.0.0)
    package35734 (1.0.0)
    package35735 (1.0.0)
    package35736 (1.0.0)
    package35737 (1.0.0)
    package35738 (1.0.0)
    package35739 (1.0.0)
    package35740 (1.0.0)
    package35741 (1.0.0)
    package35742 (1.0.0)
    package35743 (1.0.0)
    package35744 (1.0.0)
    package35745 (1.0.0)
    package35746 (1.0.0)
    package35747 (1.0.0)
    package35748 (1.0.0)
    package35749 (1.0.0)
    package35750 (1.0.0)
    package35751 (1.0.0)
    package35752 (1.0.0)
    package35753 (1.0.0)
    package35754 (1.0.0)
    package35755 (1.0.0)
    package35756 (1.0.0)
    package35757 (1.0.0)
    package35758 (1.0.0)
    package35759 (1.0.0)
    package35760 (1.0.0)
    package35761 (1.0.0)
    package35762 (1.0.0)
    package35763 (1.0.0)
    package35764 (1.0.0)
    package35765 (1.0.0)
    package35766 (1.0.0)
    package35767 (1.0.0)
    package35768 (1.0.0)
    package35769 (1.0.0)
    package35770 (1.0.0)
    package35771 (1.0.0)
    package35772 (1.0.0)
    package35773 (1.0.0)
    package35774 (1.0.0)
    package35775 (1.0.0)
    package35776 (1.0.0)
    package35777 (1.0.0)
    package35778 (1.0.0)
    package35779 (1.0.0)
    package35780 (1.0.0)
    package35781 (1.0.0)
    package35782 (1.0.0)
    package35783 (1.0.0)
    package35784 (1.0.0)
    package35785 (1.0.0)
    package35786 (1.0.0)
    package35787 (1.0.0)
    package35788 (1.0.0)
    package35789 (1.0.0)
    package35790 (1.0.0)
    package35791 (1.0.0)
    package35792 (1.0.0)
    package35793 (1.0.0)
    package35794 (1.0.0)
    package35795 (1.0.0)
    package35796 (1.0.0)
    package35797 (1.0.0)
    package35798 (1.0.0)
    package35799 (1.0.0)
    package35800 (1.0.0)
    package35801 (1.0.0)
    package35802 (1.0.0)
    package35803 (1.0.0)
    package35804 (1.0.0)
    package35805 (1.0.0)
    package35806 (1.0.0)
    package35807 (1.0.0)
    package35808 (1.0.0)
    package35809 (1.0.0)
    package35810 (1.0.0)
    package35811 (1.0.0)
    package35812 (1.0.0)
    package35813 (1.0.0)
    package35814 (1.0.0)
    package35815 (1.0.0)
    package35816 (1.0.0)
    package35817 (1.0.0)
    package35818 (1.0.0)
    package35819 (1.0.0)
    package35820 (1.0.0)
    package35821 (1.0.0)
    package35822 (1.0.0)
    package35823 (1.0.0)
    package35824 (1.0.0)
    package35825 (1.0.0)
    package35826 (1.0.0)
    package35827 (1.0.0)
    package35828 (1.0.0)
    package35829 (1.0.0)
    package35830 (1.0.0)
    package35831 (1.0.0)
    package35832 (1.0.0)
    package35833 (1.0.0)
    package35834 (1.0.0)
    package35835 (1.0.0)
    package35836 (1.0.0)
    package35837 (1.0.0)
    package35838 (1.0.0)
    package35839 (1.0.0)
    package35840 (1.0.0)
    package35841 (1.0.0)
    package35842 (1.0.0)
    package35843 (1.0.0)
    package35844 (1.0.0)
    package35845 (1.0.0)
    package35846 (1.0.0)
    package35847 (1.0.0)
    package35848 (1.0.0)
    package35849 (1.0.0)
    package35850 (1.0.0)
    package35851 (1.0.0)
    package35852 (1.0.0)
    package35853 (1.0.0)
    package35854 (1.0.0)
    package35855 (1.0.0)
    package35856 (1.0.0)
    package35857 (1.0.0)
    package35858 (1.0.0)
    package35859 (1.0.0)
    package35860 (1.0.0)
    package35861 (1.0.0)
    package35862 (1.0.0)
    package35863 (1.0.0)
    package35864 (1.0.0)
    package35865 (1.0.0)
    package35866 (1.0.0)
    package35867 (1.0.0)
    package35868 (1.0.0)
    package35869 (1.0.0)
    package35870 (1.0.0)
    package35871 (1.0.0)
    package35872 (1.0.0)
    package35873 (1.0.0)
    package35874 (1.0.0)
    package35875 (1.0.0)
    package35876 (1.0.0)
    package35877 (1.0.0)
    package35878 (1.0.0)
    package35879 (1.0.0)
    package35880 (1.0.0)
    package35881 (1.0.0)
    package35882 (1.0.0)
    package35883 (1.0.0)
    package35884 (1.0.0)
    package35885 (1.0.0)
    package35886 (1.0.0)
    package35887 (1.0.0)
    package35888 (1.0.0)
    package35889 (1.0.0)
    package35890 (1.0.0)
    package35891 (1.0.0)
    package35892 (1.0.0)
    package35893 (1.0.0)
    package35894 (1.0.0)
    package35895 (1.0.0)
    package35896 (1.0.0)
    package35897 (1.0.0)
    package35898 (1.0.0)
    package35899 (1.0.0)
    package35900 (1.0.0)
    package35901 (1.0.0)
    package35902 (1.0.0)
    package35903 (1.0.0)
    package35904 (1.0.0)
    package35905 (1.0.0)
    package35906 (1.0.0)
    package35907 (1.0.0)
    package35908 (1.0.0)
    package35909 (1.0.0)
    package35910 (1.0.0)
    package35911 (1.0.0)
    package35912 (1.0.0)
    package35913 (1.0.0)
    package35914 (1.0.0)
    package35915 (1.0.0)
    package35916 (1.0.0)
    package35917 (1.0.0)
    package35918 (1.0.0)
    package35919 (1.0.0)
    package35920 (1.0.0)
    package35921 (1.0.0)
    package35922 (1.0.0)
    package35923 (1.0.0)
    package35924 (1.0.0)
    package35925 (1.0.0)
    package35926 (1.0.0)
    package35927 (1.0.0)
    package35928 (1.0.0)
    package35929 (1.0.0)
    package35930 (1.0.0)
    package35931 (1.0.0)
    package35932 (1.0.0)
    package35933 (1.0.0)
    package35934 (1.0.0)
    package35935 (1.0.0)
    package35936 (1.0.0)
    package35937 (1.0.0)
    package35938 (1.0.0)
    package35939 (1.0.0)
    package35940 (1.0.0)
    package35941 (1.0.0)
    package35942 (1.0.0)
    package35943 (1.0.0)
    package35944 (1.0.0)
    package35945 (1.0.0)
    package35946 (1.0.0)
    package35947 (1.0.0)
    package35948 (1.0.0)
    package35949 (1.0.0)
    package35950 (1.0.0)
    package35951 (1.0.0)
    package35952 (1.0.0)
    package35953 (1.0.0)
    package35954 (1.0.0)
    package35955 (1.0.0)
    package35956 (1.0.0)
    package35957 (1.0.0)
    package35958 (1.0.0)
    package35959 (1.0.0)
    package35960 (1.0.0)
    package35961 (1.0.0)
    package35962 (1.0.0)
    package35963 (1.0.0)
    package35964 (1.0.0)
    package35965 (1.0.0)
    package35966 (1.0.0)
    package35967 (1.0.0)
    package35968 (1.0.0)
    package35969 (1.0.0)
    package35970 (1.0.0)
    package35971 (1.0.0)
    package35972 (1.0.0)
    package35973 (1.0.0)
    package35974 (1.0.0)
    package35975 (1.0.0)
    package35976 (1.0.0)
    package35977 (1.0.0)
    package35978 (1.0.0)
    package35979 (1.0.0)
    package35980 (1.0.0)
    package35981 (1.0.0)
    package35982 (1.0.0)
    package35983 (1.0.0)
    package35984 (1.0.0)
    package35985 (1.0.0)
    package35986 (1.0.0)
    package35987 (1.0.0)
    package35988 (1.0.0)
    package35989 (1.0.0)
    package35990 (1.0.0)
    package35991 (1.0.0)
    package35992 (1.0.0)
    package35993 (1.0.0)
    package35994 (1.0.0)
    package35995 (1.0.0)
    package35996 (1.0.0)
    package35997 (1.0.0)
    package35998 (1.0.0)
    package35999 (1.0.0)
    package36000 (1.0.0)
    package36001 (1.0.0)
    package36002 (1.0.0)
    package36003 (1.0.0)
    package36004 (1.0.0)
    package36005 (1.0.0)
    package36006 (1.0.0)
    package36007 (1.0.0)
    package36008 (1.0.0)
    package36009 (1.0.0)
    package36010 (1.0.0)
    package36011 (1.0.0)
    package36012 (1.0.0)
    package36013 (1.0.0)
    package36014 (1.0.0)
    package36015 (1.0.0)
    package36016 (1.0.0)
    package36017 (1.0.0)
    package36018 (1.0.0)
    package36019 (1.0.0)
    package36020 (1.0.0)
    package36021 (1.0.0)
    package36022 (1.0.0)
    package36023 (1.0.0)
    package36024 (1.0.0)
    package36025 (1.0.0)
    package36026 (1.0.0)
    package36027 (1.0.0)
    package36028 (1.0.0)
    package36029 (1.0.0)
    package36030 (1.0.0)
    package36031 (1.0.0)
    package36032 (1.0.0)
    package36033 (1.0.0)
    package36034 (1.0.0)
    package36035 (1.0.0)
    package36036 (1.0.0)
    package36037 (1.0.0)
    package36038 (1.0.0)
    package36039 (1.0.0)
    package36040 (1.0.0)
    package36041 (1.0.0)
    package36042 (1.0.0)
    package36043 (1.0.0)
    package36044 (1.0.0)
    package36045 (1.0.0)
    package36046 (1.0.0)
    package36047 (1.0.0)
    package36048 (1.0.0)
    package36049 (1.0.0)
    package36050 (1.0.0)
    package36051 (1.0.0)
    package36052 (1.0.0)
    package36053 (1.0.0)
    package36054 (1.0.0)
    package36055 (1.0.0)
    package36056 (1.0.0)
    package36057 (1.0.0)
    package36058 (1.0.0)
    package36059 (1.0.0)
    package36060 (1.0.0)
    package36061 (1.0.0)
    package36062 (1.0.0)
    package36063 (1.0.0)
    package36064 (1.0.0)
    package36065 (1.0.0)
    package36066 (1.0.0)
    package36067 (1.0.0)
    package36068 (1.0.0)
    package36069 (1.0.0)
    package36070 (1.0.0)
    package36071 (1.0.0)
    package36072 (1.0.0)
    package36073 (1.0.0)
    package36074 (1.0.0)
    package36075 (1.0.0)
    package36076 (1.0.0)
    package36077 (1.0.0)
    package36078 (1.0.0)
    package36079 (1.0.0)
    package36080 (1.0.0)
    package36081 (1.0.0)
    package36082 (1.0.0)
    package36083 (1.0.0)
    package36084 (1.0.0)
    package36085 (1.0.0)
    package36086 (1.0.0)
    package36087 (1.0.0)
    package36088 (1.0.0)
    package36089 (1.0.0)
    package36090 (1.0.0)
    package36091 (1.0.0)
    package36092 (1.0.0)
    package36093 (1.0.0)
    package36094 (1.0.0)
    package36095 (1.0.0)
    package36096 (1.0.0)
    package36097 (1.0.0)
    package36098 (1.0.0)
    package36099 (1.0.0)
    package36100 (1.0.0)
    package36101 (1.0.0)
    package36102 (1.0.0)
    package36103 (1.0.0)
    package36104 (1.0.0)
    package36105 (1.0.0)
    package36106 (1.0.0)
    package36107 (1.0.0)
    package36108 (1.0.0)
    package36109 (1.0.0)
    package36110 (1.0.0)
    package36111 (1.0.0)
    package36112 (1.0.0)
    package36113 (1.0.0)
    package36114 (1.0.0)
    package36115 (1.0.0)
    package36116 (1.0.0)
    package36117 (1.0.0)
    package36118 (1.0.0)
    package36119 (1.0.0)
    package36120 (1.0.0)
    package36121 (1.0.0)
    package36122 (1.0.0)
    package36123 (1.0.0)
    package36124 (1.0.0)
    package36125 (1.0.0)
    package36126 (1.0.0)
    package36127 (1.0.0)
    package36128 (1.0.0)
    package36129 (1.0.0)
    package36130 (1.0.0)
    package36131 (1.0.0)
    package36132 (1.0.0)
    package36133 (1.0.0)
    package36134 (1.0.0)
    package36135 (1.0.0)
    package36136 (1.0.0)
    package36137 (1.0.0)
    package36138 (1.0.0)
    package36139 (1.0.0)
    package36140 (1.0.0)
    package36141 (1.0.0)
    package36142 (1.0.0)
    package36143 (1.0.0)
    package36144 (1.0.0)
    package36145 (1.0.0)
    package36146 (1.0.0)
    package36147 (1.0.0)
    package36148 (1.0.0)
    package36149 (1.0.0)
    package36150 (1.0.0)
    package36151 (1.0.0)
    package36152 (1.0.0)
    package36153 (1.0.0)
    package36154 (1.0.0)
    package36155 (1.0.0)
    package36156 (1.0.0)
    package36157 (1.0.0)
    package36158 (1.0.0)
    package36159 (1.0.0)
    package36160 (1.0.0)
    package36161 (1.0.0)
    package36162 (1.0.0)
    package36163 (1.0.0)
    package36164 (1.0.0)
    package36165 (1.0.0)
    package36166 (1.0.0)
    package36167 (1.0.0)
    package36168 (1.0.0)
    package36169 (1.0.0)
    package36170 (1.0.0)
    package36171 (1.0.0)
    package36172 (1.0.0)
    package36173 (1.0.0)
    package36174 (1.0.0)
    package36175 (1.0.0)
    package36176 (1.0.0)
    package36177 (1.0.0)
    package36178 (1.0.0)
    package36179 (1.0.0)
    package36180 (1.0.0)
    package36181 (1.0.0)
    package36182 (1.0.0)
    package36183 (1.0.0)
    package36184 (1.0.0)
    package36185 (1.0.0)
    package36186 (1.0.0)
    package36187 (1.0.0)
    package36188 (1.0.0)
    package36189 (1.0.0)
    package36190 (1.0.0)
    package36191 (1.0.0)
    package36192 (1.0.0)
    package36193 (1.0.0)
    package36194 (1.0.0)
    package36195 (1.0.0)
    package36196 (1.0.0)
    package36197 (1.0.0)
    package36198 (1.0.0)
    package36199 (1.0.0)
    package36200 (1.0.0)
    package36201 (1.0.0)
    package36202 (1.0.0)
    package36203 (1.0.0)
    package36204 (1.0.0)
    package36205 (1.0.0)
    package36206 (1.0.0)
    package36207 (1.0.0)
    package36208 (1.0.0)
    package36209 (1.0.0)
    package36210 (1.0.0)
    package36211 (1.0.0)
    package36212 (1.0.0)
    package36213 (1.0.0)
    package36214 (1.0.0)
    package36215 (1.0.0)
    package36216 (1.0.0)
    package36217 (1.0.0)
    package36218 (1.0.0)
    package36219 (1.0.0)
    package36220 (1.0.0)
    package36221 (1.0.0)
    package36222 (1.0.0)
    package36223 (1.0.0)
    package36224 (1.0.0)
    package36225 (1.0.0)
    package36226 (1.0.0)
    package36227 (1.0.0)
    package36228 (1.0.0)
    package36229 (1.0.0)
    package36230 (1.0.0)
    package36231 (1.0.0)
    package36232 (1.0.0)
    package36233 (1.0.0)
    package36234 (1.0.0)
    package36235 (1.0.0)
    package36236 (1.0.0)
    package36237 (1.0.0)
    package36238 (1.0.0)
    package36239 (1.0.0)
    package36240 (1.0.0)
    package36241 (1.0.0)
    package36242 (1.0.0)
    package36243 (1.0.0)
    package36244 (1.0.0)
    package36245 (1.0.0)
    package36246 (1.0.0)
    package36247 (1.0.0)
    package36248 (1.0.0)
    package36249 (1.0.0)
    package36250 (1.0.0)
    package36251 (1.0.0)
    package36252 (1.0.0)
    package36253 (1.0.0)
    package36254 (1.0.0)
    package36255 (1.0.0)
    package36256 (1.0.0)
    package36257 (1.0.0)
    package36258 (1.0.0)
    package36259 (1.0.0)
    package36260 (1.0.0)
    package36261 (1.0.0)
    package36262 (1.0.0)
    package36263 (1.0.0)
    package36264 (1.0.0)
    package36265 (1.0.0)
    package36266 (1.0.0)
    package36267 (1.0.0)
    package36268 (1.0.0)
    package36269 (1.0.0)
    package36270 (1.0.0)
    package36271 (1.0.0)
    package36272 (1.0.0)
    package36273 (1.0.0)
    package36274 (1.0.0)
    package36275 (1.0.0)
    package36276 (1.0.0)
    package36277 (1.0.0)
    package36278 (1.0.0)
    package36279 (1.0.0)
    package36280 (1.0.0)
    package36281 (1.0.0)
    package36282 (1.0.0)
    package36283 (1.0.0)
    package36284 (1.0.0)
    package36285 (1.0.0)
    package36286 (1.0.0)
    package36287 (1.0.0)
    package36288 (1.0.0)
    package36289 (1.0.0)
    package36290 (1.0.0)
    package36291 (1.0.0)
    package36292 (1.0.0)
    package36293 (1.0.0)
    package36294 (1.0.0)
    package36295 (1.0.0)
    package36296 (1.0.0)
    package36297 (1.0.0)
    package36298 (1.0.0)
    package36299 (1.0.0)
    package36300 (1.0.0)
    package36301 (1.0.0)
    package36302 (1.0.0)
    package36303 (1.0.0)
    package36304 (1.0.0)
    package36305 (1.0.0)
    package36306 (1.0.0)
    package36307 (1.0.0)
    package36308 (1.0.0)
    package36309 (1.0.0)
    package36310 (1.0.0)
    package36311 (1.0.0)
    package36312 (1.0.0)
    package36313 (1.0.0)
    package36314 (1.0.0)
    package36315 (1.0.0)
    package36316 (1.0.0)
    package36317 (1.0.0)
    package36318 (1.0.0)
    package36319 (1.0.0)
    package36320 (1.0.0)
    package36321 (1.0.0)
    package36322 (1.0.0)
    package36323 (1.0.0)
    package36324 (1.0.0)
    package36325 (1.0.0)
    package36326 (1.0.0)
    package36327 (1.0.0)
    package36328 (1.0.0)
    package36329 (1.0.0)
    package36330 (1.0.0)
    package36331 (1.0.0)
    package36332 (1.0.0)
    package36333 (1.0.0)
    package36334 (1.0.0)
    package36335 (1.0.0)
    package36336 (1.0.0)
    package36337 (1.0.0)
    package36338 (1.0.0)
    package36339 (1.0.0)
    package36340 (1.0.0)
    package36341 (1.0.0)
    package36342 (1.0.0)
    package36343 (1.0.0)
    package36344 (1.0.0)
    package36345 (1.0.0)
    package36346 (1.0.0)
    package36347 (1.0.0)
    package36348 (1.0.0)
    package36349 (1.0.0)
    package36350 (1.0.0)
    package36351 (1.0.0)
    package36352 (1.0.0)
    package36353 (1.0.0)
    package36354 (1.0.0)
    package36355 (1.0.0)
    package36356 (1.0.0)
    package36357 (1.0.0)
    package36358 (1.0.0)
    package36359 (1.0.0)
    package36360 (1.0.0)
    package36361 (1.0.0)
    package36362 (1.0.0)
    package36363 (1.0.0)
    package36364 (1.0.0)
    package36365 (1.0.0)
    package36366 (1.0.0)
    package36367 (1.0.0)
    package36368 (1.0.0)
    package36369 (1.0.0)
    package36370 (1.0.0)
    package36371 (1.0.0)
    package36372 (1.0.0)
    package36373 (1.0.0)
    package36374 (1.0.0)
    package36375 (1.0.0)
    package36376 (1.0.0)
    package36377 (1.0.0)
    package36378 (1.0.0)
    package36379 (1.0.0)
    package36380 (1.0.0)
    package36381 (1.0.0)
    package36382 (1.0.0)
    package36383 (1.0.0)
    package36384 (1.0.0)
    package36385 (1.0.0)
    package36386 (1.0.0)
    package36387 (1.0.0)
    package36388 (1.0.0)
    package36389 (1.0.0)
    package36390 (1.0.0)
    package36391 (1.0.0)
    package36392 (1.0.0)
    package36393 (1.0.0)
    package36394 (1.0.0)
    package36395 (1.0.0)
    package36396 (1.0.0)
    package36397 (1.0.0)
    package36398 (1.0.0)
    package36399 (1.0.0)
    package36400 (1.0.0)
    package36401 (1.0.0)
    package36402 (1.0.0)
    package36403 (1.0.0)
    package36404 (1.0.0)
    package36405 (1.0.0)
    package36406 (1.0.0)
    package36407 (1.0.0)
    package36408 (1.0.0)
    package36409 (1.0.0)
    package36410 (1.0.0)
    package36411 (1.0.0)
    package36412 (1.0.0)
    package36413 (1.0.0)
    package36414 (1.0.0)
    package36415 (1.0.0)
    package36416 (1.0.0)
    package36417 (1.0.0)
    package36418 (1.0.0)
    package36419 (1.0.0)
    package36420 (1.0.0)
    package36421 (1.0.0)
    package36422 (1.0.0)
    package36423 (1.0.0)
    package36424 (1.0.0)
    package36425 (1.0.0)
    package36426 (1.0.0)
    package36427 (1.0.0)
    package36428 (1.0.0)
    package36429 (1.0.0)
    package36430 (1.0.0)
    package36431 (1.0.0)
    package36432 (1.0.0)
    package36433 (1.0.0)
    package36434 (1.0.0)
    package36435 (1.0.0)
    package36436 (1.0.0)
    package36437 (1.0.0)
    package36438 (1.0.0)
    package36439 (1.0.0)
    package36440 (1.0.0)
    package36441 (1.0.0)
    package36442 (1.0.0)
    package36443 (1.0.0)
    package36444 (1.0.0)
    package36445 (1.0.0)
    package36446 (1.0.0)
    package36447 (1.0.0)
    package36448 (1.0.0)
    package36449 (1.0.0)
    package36450 (1.0.0)
    package36451 (1.0.0)
    package36452 (1.0.0)
    package36453 (1.0.0)
    package36454 (1.0.0)
    package36455 (1.0.0)
    package36456 (1.0.0)
    package36457 (1.0.0)
    package36458 (1.0.0)
    package36459 (1.0.0)
    package36460 (1.0.0)
    package36461 (1.0.0)
    package36462 (1.0.0)
    package36463 (1.0.0)
    package36464 (1.0.0)
    package36465 (1.0.0)
    package36466 (1.0.0)
    package36467 (1.0.0)
    package36468 (1.0.0)
    package36469 (1.0.0)
    package36470 (1.0.0)
    package36471 (1.0.0)
    package36472 (1.0.0)
    package36473 (1.0.0)
    package36474 (1.0.0)
    package36475 (1.0.0)
    package36476 (1.0.0)
    package36477 (1.0.0)
    package36478 (1.0.0)
    package36479 (1.0.0)
    package36480 (1.0.0)
    package36481 (1.0.0)
    package36482 (1.0.0)
    package36483 (1.0.0)
    package36484 (1.0.0)
    package36485 (1.0.0)
    package36486 (1.0.0)
    package36487 (1.0.0)
    package36488 (1.0.0)
    package36489 (1.0.0)
    package36490 (1.0.0)
    package36491 (1.0.0)
    package36492 (1.0.0)
    package36493 (1.0.0)
    package36494 (1.0.0)
    package36495 (1.0.0)
    package36496 (1.0.0)
    package36497 (1.0.0)
    package36498 (1.0.0)
    package36499 (1.0.0)
    package36500 (1.0.0)
    package36501 (1.0.0)
    package36502 (1.0.0)
    package36503 (1.0.0)
    package36504 (1.0.0)
    package36505 (1.0.0)
    package36506 (1.0.0)
    package36507 (1.0.0)
    package36508 (1.0.0)
    package36509 (1.0.0)
    package36510 (1.0.0)
    package36511 (1.0.0)
    package36512 (1.0.0)
    package36513 (1.0.0)
    package36514 (1.0.0)
    package36515 (1.0.0)
    package36516 (1.0.0)
    package36517 (1.0.0)
    package36518 (1.0.0)
    package36519 (1.0.0)
    package36520 (1.0.0)
    package36521 (1.0.0)
    package36522 (1.0.0)
    package36523 (1.0.0)
    package36524 (1.0.0)
    package36525 (1.0.0)
    package36526 (1.0.0)
    package36527 (1.0.0)
    package36528 (1.0.0)
    package36529 (1.0.0)
    package36530 (1.0.0)
    package36531 (1.0.0)
    package36532 (1.0.0)
    package36533 (1.0.0)
    package36534 (1.0.0)
    package36535 (1.0.0)
    package36536 (1.0.0)
    package36537 (1.0.0)
    package36538 (1.0.0)
    package36539 (1.0.0)
    package36540 (1.0.0)
    package36541 (1.0.0)
    package36542 (1.0.0)
    package36543 (1.0.0)
    package36544 (1.0.0)
    package36545 (1.0.0)
    package36546 (1.0.0)
    package36547 (1.0.0)
    package36548 (1.0.0)
    package36549 (1.0.0)
    package36550 (1.0.0)
    package36551 (1.0.0)
    package36552 (1.0.0)
    package36553 (1.0.0)
    package36554 (1.0.0)
    package36555 (1.0.0)
    package36556 (1.0.0)
    package36557 (1.0.0)
    package36558 (1.0.0)
    package36559 (1.0.0)
    package36560 (1.0.0)
    package36561 (1.0.0)
    package36562 (1.0.0)
    package36563 (1.0.0)
    package36564 (1.0.0)
    package36565 (1.0.0)
    package36566 (1.0.0)
    package36567 (1.0.0)
    package36568 (1.0.0)
    package36569 (1.0.0)
    package36570 (1.0.0)
    package36571 (1.0.0)
    package36572 (1.0.0)
    package36573 (1.0.0)
    package36574 (1.0.0)
    package36575 (1.0.0)
    package36576 (1.0.0)
    package36577 (1.0.0)
    package36578 (1.0.0)
    package36579 (1.0.0)
    package36580 (1.0.0)
    package36581 (1.0.0)
    package36582 (1.0.0)
    package36583 (1.0.0)
    package36584 (1.0.0)
    package36585 (1.0.0)
    package36586 (1.0.0)
    package36587 (1.0.0)
    package36588 (1.0.0)
    package36589 (1.0.0)
    package36590 (1.0.0)
    package36591 (1.0.0)
    package36592 (1.0.0)
    package36593 (1.0.0)
    package36594 (1.0.0)
    package36595 (1.0.0)
    package36596 (1.0.0)
    package36597 (1.0.0)
    package36598 (1.0.0)
    package36599 (1.0.0)
    package36600 (1.0.0)
    package36601 (1.0.0)
    package36602 (1.0.0)
    package36603 (1.0.0)
    package36604 (1.0.0)
    package36605 (1.0.0)
    package36606 (1.0.0)
    package36607 (1.0.0)
    package36608 (1.0.0)
    package36609 (1.0.0)
    package36610 (1.0.0)
    package36611 (1.0.0)
    package36612 (1.0.0)
    package36613 (1.0.0)
    package36614 (1.0.0)
    package36615 (1.0.0)
    package36616 (1.0.0)
    package36617 (1.0.0)
    package36618 (1.0.0)
    package36619 (1.0.0)
    package36620 (1.0.0)
    package36621 (1.0.0)
    package36622 (1.0.0)
    package36623 (1.0.0)
    package36624 (1.0.0)
    package36625 (1.0.0)
    package36626 (1.0.0)
    package36627 (1.0.0)
    package36628 (1.0.0)
    package36629 (1.0.0)
    package36630 (1.0.0)
    package36631 (1.0.0)
    package36632 (1.0.0)
    package36633 (1.0.0)
    package36634 (1.0.0)
    package36635 (1.0.0)
    package36636 (1.0.0)
    package36637 (1.0.0)
    package36638 (1.0.0)
    package36639 (1.0.0)
    package36640 (1.0.0)
    package36641 (1.0.0)
    package36642 (1.0.0)
    package36643 (1.0.0)
    package36644 (1.0.0)
    package36645 (1.0.0)
    package36646 (1.0.0)
    package36647 (1.0.0)
    package36648 (1.0.0)
    package36649 (1.0.0)
    package36650 (1.0.0)
    package36651 (1.0.0)
    package36652 (1.0.0)
    package36653 (1.0.0)
    package36654 (1.0.0)
    package36655 (1.0.0)
    package36656 (1.0.0)
    package36657 (1.0.0)
    package36658 (1.0.0)
    package36659 (1.0.0)
    package36660 (1.0.0)
    package36661 (1.0.0)
    package36662 (1.0.0)
    package36663 (1.0.0)
    package36664 (1.0.0)
    package36665 (1.0.0)
    package36666 (1.0.0)
    package36667 (1.0.0)
    package36668 (1.0.0)
    package36669 (1.0.0)
    package36670 (1.0.0)
    package36671 (1.0.0)
    package36672 (1.0.0)
    package36673 (1.0.0)
    package36674 (1.0.0)
    package36675 (1.0.0)
    package36676 (1.0.0)
    package36677 (1.0.0)
    package36678 (1.0.0)
    package36679 (1.0.0)
    package36680 (1.0.0)
    package36681 (1.0.0)
    package36682 (1.0.0)
    package36683 (1.0.0)
    package36684 (1.0.0)
    package36685 (1.0.0)
    package36686 (1.0.0)
    package36687 (1.0.0)
    package36688 (1.0.0)
    package36689 (1.0.0)
    package36690 (1.0.0)
    package36691 (1.0.0)
    package36692 (1.0.0)
    package36693 (1.0.0)
    package36694 (1.0.0)
    package36695 (1.0.0)
    package36696 (1.0.0)
    package36697 (1.0.0)
    package36698 (1.0.0)
    package36699 (1.0.0)
    package36700 (1.0.0)
    package36701 (1.0.0)
    package36702 (1.0.0)
    package36703 (1.0.0)
    package36704 (1.0.0)
    package36705 (1.0.0)
    package36706 (1.0.0)
    package36707 (1.0.0)
    package36708 (1.0.0)
    package36709 (1.0.0)
    package36710 (1.0.0)
    package36711 (1.0.0)
    package36712 (1.0.0)
    package36713 (1.0.0)
    package36714 (1.0.0)
    package36715 (1.0.0)
    package36716 (1.0.0)
    package36717 (1.0.0)
    package36718 (1.0.0)
    package36719 (1.0.0)
    package36720 (1.0.0)
    package36721 (1.0.0)
    package36722 (1.0.0)
    package36723 (1.0.0)
    package36724 (1.0.0)
    package36725 (1.0.0)
    package36726 (1.0.0)
    package36727 (1.0.0)
    package36728 (1.0.0)
    package36729 (1.0.0)
    package36730 (1.0.0)
    package36731 (1.0.0)
    package36732 (1.0.0)
    package36733 (1.0.0)
    package36734 (1.0.0)
    package36735 (1.0.0)
    package36736 (1.0.0)
    package36737 (1.0.0)
    package36738 (1.0.0)
    package36739 (1.0.0)
    package36740 (1.0.0)
    package36741 (1.0.0)
    package36742 (1.0.0)
    package36743 (1.0.0)
    package36744 (1.0.0)
    package36745 (1.0.0)
    package36746 (1.0.0)
    package36747 (1.0.0)
    package36748 (1.0.0)
    package36749 (1.0.0)
    package36750 (1.0.0)
    package36751 (1.0.0)
    package36752 (1.0.0)
    package36753 (1.0.0)
    package36754 (1.0.0)
    package36755 (1.0.0)
    package36756 (1.0.0)
    package36757 (1.0.0)
    package36758 (1.0.0)
    package36759 (1.0.0)
    package36760 (1.0.0)
    package36761 (1.0.0)
    package36762 (1.0.0)
    package36763 (1.0.0)
    package36764 (1.0.0)
    package36765 (1.0.0)
    package36766 (1.0.0)
    package36767 (1.0.0)
    package36768 (1.0.0)
    package36769 (1.0.0)
    package36770 (1.0.0)
    package36771 (1.0.0)
    package36772 (1.0.0)
    package36773 (1.0.0)
    package36774 (1.0.0)
    package36775 (1.0.0)
    package36776 (1.0.0)
    package36777 (1.0.0)
    package36778 (1.0.0)
    package36779 (1.0.0)
    package36780 (1.0.0)
    package36781 (1.0.0)
    package36782 (1.0.0)
    package36783 (1.0.0)
    package36784 (1.0.0)
    package36785 (1.0.0)
    package36786 (1.0.0)
    package36787 (1.0.0)
    package36788 (1.0.0)
    package36789 (1.0.0)
    package36790 (1.0.0)
    package36791 (1.0.0)
    package36792 (1.0.0)
    package36793 (1.0.0)
    package36794 (1.0.0)
    package36795 (1.0.0)
    package36796 (1.0.0)
    package36797 (1.0.0)
    package36798 (1.0.0)
    package36799 (1.0.0)
    package36800 (1.0.0)
    package36801 (1.0.0)
    package36802 (1.0.0)
    package36803 (1.0.0)
    package36804 (1.0.0)
    package36805 (1.0.0)
    package36806 (1.0.0)
    package36807 (1.0.0)
    package36808 (1.0.0)
    package36809 (1.0.0)
    package36810 (1.0.0)
    package36811 (1.0.0)
    package36812 (1.0.0)
    package36813 (1.0.0)
    package36814 (1.0.0)
    package36815 (1.0.0)
    package36816 (1.0.0)
    package36817 (1.0.0)
    package36818 (1.0.0)
    package36819 (1.0.0)
    package36820 (1.0.0)
    package36821 (1.0.0)
    package36822 (1.0.0)
    package36823 (1.0.0)
    package36824 (1.0.0)
    package36825 (1.0.0)
    package36826 (1.0.0)
    package36827 (1.0.0)
    package36828 (1.0.0)
    package36829 (1.0.0)
    package36830 (1.0.0)
    package36831 (1.0.0)
    package36832 (1.0.0)
    package36833 (1.0.0)
    package36834 (1.0.0)
    package36835 (1.0.0)
    package36836 (1.0.0)
    package36837 (1.0.0)
    package36838 (1.0.0)
    package36839 (1.0.0)
    package36840 (1.0.0)
    package36841 (1.0.0)
    package36842 (1.0.0)
    package36843 (1.0.0)
    package36844 (1.0.0)
    package36845 (1.0.0)
    package36846 (1.0.0)
    package36847 (1.0.0)
    package36848 (1.0.0)
    package36849 (1.0.0)
    package36850 (1.0.0)
    package36851 (1.0.0)
    package36852 (1.0.0)
    package36853 (1.0.0)
    package36854 (1.0.0)
    package36855 (1.0.0)
    package36856 (1.0.0)
    package36857 (1.0.0)
    package36858 (1.0.0)
    package36859 (1.0.0)
    package36860 (1.0.0)
    package36861 (1.0.0)
    package36862 (1.0.0)
    package36863 (1.0.0)
    package36864 (1.0.0)
    package36865 (1.0.0)
    package36866 (1.0.0)
    package36867 (1.0.0)
    package36868 (1.0.0)
    package36869 (1.0.0)
    package36870 (1.0.0)
    package36871 (1.0.0)
    package36872 (1.0.0)
    package36873 (1.0.0)
    package36874 (1.0.0)
    package36875 (1.0.0)
    package36876 (1.0.0)
    package36877 (1.0.0)
    package36878 (1.0.0)
    package36879 (1.0.0)
    package36880 (1.0.0)
    package36881 (1.0.0)
    package36882 (1.0.0)
    package36883 (1.0.0)
    package36884 (1.0.0)
    package36885 (1.0.0)
    package36886 (1.0.0)
    package36887 (1.0.0)
    package36888 (1.0.0)
    package36889 (1.0.0)
    package36890 (1.0.0)
    package36891 (1.0.0)
    package36892 (1.0.0)
    package36893 (1.0.0)
    package36894 (1.0.0)
    package36895 (1.0.0)
    package36896 (1.0.0)
    package36897 (1.0.0)
    package36898 (1.0.0)
    package36899 (1.0.0)
    package36900 (1.0.0)
    package36901 (1.0.0)
    package36902 (1.0.0)
    package36903 (1.0.0)
    package36904 (1.0.0)
    package36905 (1.0.0)
    package36906 (1.0.0)
    package36907 (1.0.0)
    package36908 (1.0.0)
    package36909 (1.0.0)
    package36910 (1.0.0)
    package36911 (1.0.0)
    package36912 (1.0.0)
    package36913 (1.0.0)
    package36914 (1.0.0)
    package36915 (1.0.0)
    package36916 (1.0.0)
    package36917 (1.0.0)
    package36918 (1.0.0)
    package36919 (1.0.0)
    package36920 (1.0.0)
    package36921 (1.0.0)
    package36922 (1.0.0)
    package36923 (1.0.0)
    package36924 (1.0.0)
    package36925 (1.0.0)
    package36926 (1.0.0)
    package36927 (1.0.0)
    package36928 (1.0.0)
    package36929 (1.0.0)
    package36930 (1.0.0)
    package36931 (1.0.0)
    package36932 (1.0.0)
    package36933 (1.0.0)
    package36934 (1.0.0)
    package36935 (1.0.0)
    package36936 (1.0.0)
    package36937 (1.0.0)
    package36938 (1.0.0)
    package36939 (1.0.0)
    package36940 (1.0.0)
    package36941 (1.0.0)
    package36942 (1.0.0)
    package36943 (1.0.0)
    package36944 (1.0.0)
    package36945 (1.0.0)
    package36946 (1.0.0)
    package36947 (1.0.0)
    package36948 (1.0.0)
    package36949 (1.0.0)
    package36950 (1.0.0)
    package36951 (1.0.0)
    package36952 (1.0.0)
    package36953 (1.0.0)
    package36954 (1.0.0)
    package36955 (1.0.0)
    package36956 (1.0.0)
    package36957 (1.0.0)
    package36958 (1.0.0)
    package36959 (1.0.0)
    package36960 (1.0.0)
    package36961 (1.0.0)
    package36962 (1.0.0)
    package36963 (1.0.0)
    package36964 (1.0.0)
    package36965 (1.0.0)
    package36966 (1.0.0)
    package36967 (1.0.0)
    package36968 (1.0.0)
    package36969 (1.0.0)
    package36970 (1.0.0)
    package36971 (1.0.0)
    package36972 (1.0.0)
    package36973 (1.0.0)
    package36974 (1.0.0)
    package36975 (1.0.0)
    package36976 (1.0.0)
    package36977 (1.0.0)
    package36978 (1.0.0)
    package36979 (1.0.0)
    package36980 (1.0.0)
    package36981 (1.0.0)
    package36982 (1.0.0)
    package36983 (1.0.0)
    package36984 (1.0.0)
    package36985 (1.0.0)
    package36986 (1.0.0)
    package36987 (1.0.0)
    package36988 (1.0.0)
    package36989 (1.0.0)
    package36990 (1.0.0)
    package36991 (1.0.0)
    package36992 (1.0.0)
    package36993 (1.0.0)
    package36994 (1.0.0)
    package36995 (1.0.0)
    package36996 (1.0.0)
    package36997 (1.0.0)
    package36998 (1.0.0)
    package36999 (1.0.0)
    package37000 (1.0.0)
    package37001 (1.0.0)
    package37002 (1.0.0)
    package37003 (1.0.0)
    package37004 (1.0.0)
    package37005 (1.0.0)
    package37006 (1.0.0)
    package37007 (1.0.0)
    package37008 (1.0.0)
    package37009 (1.0.0)
    package37010 (1.0.0)
    package37011 (1.0.0)
    package37012 (1.0.0)
    package37013 (1.0.0)
    package37014 (1.0.0)
    package37015 (1.0.0)
    package37016 (1.0.0)
    package37017 (1.0.0)
    package37018 (1.0.0)
    package37019 (1.0.0)
    package37020 (1.0.0)
    package37021 (1.0.0)
    package37022 (1.0.0)
    package37023 (1.0.0)
    package37024 (1.0.0)
    package37025 (1.0.0)
    package37026 (1.0.0)
    package37027 (1.0.0)
    package37028 (1.0.0)
    package37029 (1.0.0)
    package37030 (1.0.0)
    package37031 (1.0.0)
    package37032 (1.0.0)
    package37033 (1.0.0)
    package37034 (1.0.0)
    package37035 (1.0.0)
    package37036 (1.0.0)
    package37037 (1.0.0)
    package37038 (1.0.0)
    package37039 (1.0.0)
    package37040 (1.0.0)
    package37041 (1.0.0)
    package37042 (1.0.0)
    package37043 (1.0.0)
    package37044 (1.0.0)
    package37045 (1.0.0)
    package37046 (1.0.0)
    package37047 (1.0.0)
    package37048 (1.0.0)
    package37049 (1.0.0)
    package37050 (1.0.0)
    package37051 (1.0.0)
    package37052 (1.0.0)
    package37053 (1.0.0)
    package37054 (1.0.0)
    package37055 (1.0.0)
    package37056 (1.0.0)
    package37057 (1.0.0)
    package37058 (1.0.0)
    package37059 (1.0.0)
    package37060 (1.0.0)
    package37061 (1.0.0)
    package37062 (1.0.0)
    package37063 (1.0.0)
    package37064 (1.0.0)
    package37065 (1.0.0)
    package37066 (1.0.0)
    package37067 (1.0.0)
    package37068 (1.0.0)
    package37069 (1.0.0)
    package37070 (1.0.0)
    package37071 (1.0.0)
    package37072 (1.0.0)
    package37073 (1.0.0)
    package37074 (1.0.0)
    package37075 (1.0.0)
    package37076 (1.0.0)
    package37077 (1.0.0)
    package37078 (1.0.0)
    package37079 (1.0.0)
    package37080 (1.0.0)
    package37081 (1.0.0)
    package37082 (1.0.0)
    package37083 (1.0.0)
    package37084 (1.0.0)
    package37085 (1.0.0)
    package37086 (1.0.0)
    package37087 (1.0.0)
    package37088 (1.0.0)
    package37089 (1.0.0)
    package37090 (1.0.0)
    package37091 (1.0.0)
    package37092 (1.0.0)
    package37093 (1.0.0)
    package37094 (1.0.0)
    package37095 (1.0.0)
    package37096 (1.0.0)
    package37097 (1.0.0)
    package37098 (1.0.0)
    package37099 (1.0.0)
    package37100 (1.0.0)
    package37101 (1.0.0)
    package37102 (1.0.0)
    package37103 (1.0.0)
    package37104 (1.0.0)
    package37105 (1.0.0)
    package37106 (1.0.0)
    package37107 (1.0.0)
    package37108 (1.0.0)
    package37109 (1.0.0)
    package37110 (1.0.0)
    package37111 (1.0.0)
    package37112 (1.0.0)
    package37113 (1.0.0)
    package37114 (1.0.0)
    package37115 (1.0.0)
    package37116 (1.0.0)
    package37117 (1.0.0)
    package37118 (1.0.0)
    package37119 (1.0.0)
    package37120 (1.0.0)
    package37121 (1.0.0)
    package37122 (1.0.0)
    package37123 (1.0.0)
    package37124 (1.0.0)
    package37125 (1.0.0)
    package37126 (1.0.0)
    package37127 (1.0.0)
    package37128 (1.0.0)
    package37129 (1.0.0)
    package37130 (1.0.0)
    package37131 (1.0.0)
    package37132 (1.0.0)
    package37133 (1.0.0)
    package37134 (1.0.0)
    package37135 (1.0.0)
    package37136 (1.0.0)
    package37137 (1.0.0)
    package37138 (1.0.0)
    package37139 (1.0.0)
    package37140 (1.0.0)
    package37141 (1.0.0)
    package37142 (1.0.0)
    package37143 (1.0.0)
    package37144 (1.0.0)
    package37145 (1.0.0)
    package37146 (1.0.0)
    package37147 (1.0.0)
    package37148 (1.0.0)
    package37149 (1.0.0)
    package37150 (1.0.0)
    package37151 (1.0.0)
    package37152 (1.0.0)
    package37153 (1.0.0)
    package37154 (1.0.0)
    package37155 (1.0.0)
    package37156 (1.0.0)
    package37157 (1.0.0)
    package37158 (1.0.0)
    package37159 (1.0.0)
    package37160 (1.0.0)
    package37161 (1.0.0)
    package37162 (1.0.0)
    package37163 (1.0.0)
    package37164 (1.0.0)
    package37165 (1.0.0)
    package37166 (1.0.0)
    package37167 (1.0.0)
    package37168 (1.0.0)
    package37169 (1.0.0)
    package37170 (1.0.0)
    package37171 (1.0.0)
    package37172 (1.0.0)
    package37173 (1.0.0)
    package37174 (1.0.0)
    package37175 (1.0.0)
    package37176 (1.0.0)
    package37177 (1.0.0)
    package37178 (1.0.0)
    package37179 (1.0.0)
    package37180 (1.0.0)
    package37181 (1.0.0)
    package37182 (1.0.0)
    package37183 (1.0.0)
    package37184 (1.0.0)
    package37185 (1.0.0)
    package37186 (1.0.0)
    package37187 (1.0.0)
    package37188 (1.0.0)
    package37189 (1.0.0)
    package37190 (1.0.0)
    package37191 (1.0.0)
    package37192 (1.0.0)
    package37193 (1.0.0)
    package37194 (1.0.0)
    package37195 (1.0.0)
    package37196 (1.0.0)
    package37197 (1.0.0)
    package37198 (1.0.0)
    package37199 (1.0.0)
    package37200 (1.0.0)
    package37201 (1.0.0)
    package37202 (1.0.0)
    package37203 (1.0.0)
    package37204 (1.0.0)
    package37205 (1.0.0)
    package37206 (1.0.0)
    package37207 (1.0.0)
    package37208 (1.0.0)
    package37209 (1.0.0)
    package37210 (1.0.0)
    package37211 (1.0.0)
    package37212 (1.0.0)
    package37213 (1.0.0)
    package37214 (1.0.0)
    package37215 (1.0.0)
    package37216 (1.0.0)
    package37217 (1.0.0)
    package37218 (1.0.0)
    package37219 (1.0.0)
    package37220 (1.0.0)
    package37221 (1.0.0)
    package37222 (1.0.0)
    package37223 (1.0.0)
    package37224 (1.0.0)
    package37225 (1.0.0)
    package37226 (1.0.0)
    package37227 (1.0.0)
    package37228 (1.0.0)
    package37229 (1.0.0)
    package37230 (1.0.0)
    package37231 (1.0.0)
    package37232 (1.0.0)
    package37233 (1.0.0)
    package37234 (1.0.0)
    package37235 (1.0.0)
    package37236 (1.0.0)
    package37237 (1.0.0)
    package37238 (1.0.0)
    package37239 (1.0.0)
    package37240 (1.0.0)
    package37241 (1.0.0)
    package37242 (1.0.0)
    package37243 (1.0.0)
    package37244 (1.0.0)
    package37245 (1.0.0)
    package37246 (1.0.0)
    package37247 (1.0.0)
    package37248 (1.0.0)
    package37249 (1.0.0)
    package37250 (1.0.0)
    package37251 (1.0.0)
    package37252 (1.0.0)
    package37253 (1.0.0)
    package37254 (1.0.0)
    package37255 (1.0.0)
    package37256 (1.0.0)
    package37257 (1.0.0)
    package37258 (1.0.0)
    package37259 (1.0.0)
    package37260 (1.0.0)
    package37261 (1.0.0)
    package37262 (1.0.0)
    package37263 (1.0.0)
    package37264 (1.0.0)
    package37265 (1.0.0)
    package37266 (1.0.0)
    package37267 (1.0.0)
    package37268 (1.0.0)
    package37269 (1.0.0)
    package37270 (1.0.0)
    package37271 (1.0.0)
    package37272 (1.0.0)
    package37273 (1.0.0)
    package37274 (1.0.0)
    package37275 (1.0.0)
    package37276 (1.0.0)
    package37277 (1.0.0)
    package37278 (1.0.0)
    package37279 (1.0.0)
    package37280 (1.0.0)
    package37281 (1.0.0)
    package37282 (1.0.0)
    package37283 (1.0.0)
    package37284 (1.0.0)
    package37285 (1.0.0)
    package37286 (1.0.0)
    package37287 (1.0.0)
    package37288 (1.0.0)
    package37289 (1.0.0)
    package37290 (1.0.0)
    package37291 (1.0.0)
    package37292 (1.0.0)
    package37293 (1.0.0)
    package37294 (1.0.0)
    package37295 (1.0.0)
    package37296 (1.0.0)
    package37297 (1.0.0)
    package37298 (1.0.0)
    package37299 (1.0.0)
    package37300 (1.0.0)
    package37301 (1.0.0)
    package37302 (1.0.0)
    package37303 (1.0.0)
    package37304 (1.0.0)
    package37305 (1.0.0)
    package37306 (1.0.0)
    package37307 (1.0.0)
    package37308 (1.0.0)
    package37309 (1.0.0)
    package37310 (1.0.0)
    package37311 (1.0.0)
    package37312 (1.0.0)
    package37313 (1.0.0)
    package37314 (1.0.0)
    package37315 (1.0.0)
    package37316 (1.0.0)
    package37317 (1.0.0)
    package37318 (1.0.0)
    package37319 (1.0.0)
    package37320 (1.0.0)
    package37321 (1.0.0)
    package37322 (1.0.0)
    package37323 (1.0.0)
    package37324 (1.0.0)
    package37325 (1.0.0)
    package37326 (1.0.0)
    package37327 (1.0.0)
    package37328 (1.0.0)
    package37329 (1.0.0)
    package37330 (1.0.0)
    package37331 (1.0.0)
    package37332 (1.0.0)
    package37333 (1.0.0)
    package37334 (1.0.0)
    package37335 (1.0.0)
    package37336 (1.0.0)
    package37337 (1.0.0)
    package37338 (1.0.0)
    package37339 (1.0.0)
    package37340 (1.0.0)
    package37341 (1.0.0)
    package37342 (1.0.0)
    package37343 (1.0.0)
    package37344 (1.0.0)
    package37345 (1.0.0)
    package37346 (1.0.0)
    package37347 (1.0.0)
    package37348 (1.0.0)
    package37349 (1.0.0)
    package37350 (1.0.0)
    package37351 (1.0.0)
    package37352 (1.0.0)
    package37353 (1.0.0)
    package37354 (1.0.0)
    package37355 (1.0.0)
    package37356 (1.0.0)
    package37357 (1.0.0)
    package37358 (1.0.0)
    package37359 (1.0.0)
    package37360 (1.0.0)
    package37361 (1.0.0)
    package37362 (1.0.0)
    package37363 (1.0.0)
    package37364 (1.0.0)
    package37365 (1.0.0)
    package37366 (1.0.0)
    package37367 (1.0.0)
    package37368 (1.0.0)
    package37369 (1.0.0)
    package37370 (1.0.0)
    package37371 (1.0.0)
    package37372 (1.0.0)
    package37373 (1.0.0)
    package37374 (1.0.0)
    package37375 (1.0.0)
    package37376 (1.0.0)
    package37377 (1.0.0)
    package37378 (1.0.0)
    package37379 (1.0.0)
    package37380 (1.0.0)
    package37381 (1.0.0)
    package37382 (1.0.0)
    package37383 (1.0.0)
    package37384 (1.0.0)
    package37385 (1.0.0)
    package37386 (1.0.0)
    package37387 (1.0.0)
    package37388 (1.0.0)
    package37389 (1.0.0)
    package37390 (1.0.0)
    package37391 (1.0.0)
    package37392 (1.0.0)
    package37393 (1.0.0)
    package37394 (1.0.0)
    package37395 (1.0.0)
    package37396 (1.0.0)
    package37397 (1.0.0)
    package37398 (1.0.0)
    package37399 (1.0.0)
    package37400 (1.0.0)
    package37401 (1.0.0)
    package37402 (1.0.0)
    package37403 (1.0.0)
    package37404 (1.0.0)
    package37405 (1.0.0)
    package37406 (1.0.0)
    package37407 (1.0.0)
    package37408 (1.0.0)
    package37409 (1.0.0)
    package37410 (1.0.0)
    package37411 (1.0.0)
    package37412 (1.0.0)
    package37413 (1.0.0)
    package37414 (1.0.0)
    package37415 (1.0.0)
    package37416 (1.0.0)
    package37417 (1.0.0)
    package37418 (1.0.0)
    package37419 (1.0.0)
    package37420 (1.0.0)
    package37421 (1.0.0)
    package37422 (1.0.0)
    package37423 (1.0.0)
    package37424 (1.0.0)
    package37425 (1.0.0)
    package37426 (1.0.0)
    package37427 (1.0.0)
    package37428 (1.0.0)
    package37429 (1.0.0)
    package37430 (1.0.0)
    package37431 (1.0.0)
    package37432 (1.0.0)
    package37433 (1.0.0)
    package37434 (1.0.0)
    package37435 (1.0.0)
    package37436 (1.0.0)
    package37437 (1.0.0)
    package37438 (1.0.0)
    package37439 (1.0.0)
    package37440 (1.0.0)
    package37441 (1.0.0)
    package37442 (1.0.0)
    package37443 (1.0.0)
    package37444 (1.0.0)
    package37445 (1.0.0)
    package37446 (1.0.0)
    package37447 (1.0.0)
    package37448 (1.0.0)
    package37449 (1.0.0)
    package37450 (1.0.0)
    package37451 (1.0.0)
    package37452 (1.0.0)
    package37453 (1.0.0)
    package37454 (1.0.0)
    package37455 (1.0.0)
    package37456 (1.0.0)
    package37457 (1.0.0)
    package37458 (1.0.0)
    package37459 (1.0.0)
    package37460 (1.0.0)
    package37461 (1.0.0)
    package37462 (1.0.0)
    package37463 (1.0.0)
    package37464 (1.0.0)
    package37465 (1.0.0)
    package37466 (1.0.0)
    package37467 (1.0.0)
    package37468 (1.0.0)
    package37469 (1.0.0)
    package37470 (1.0.0)
    package37471 (1.0.0)
    package37472 (1.0.0)
    package37473 (1.0.0)
    package37474 (1.0.0)
    package37475 (1.0.0)
    package37476 (1.0.0)
    package37477 (1.0.0)
    package37478 (1.0.0)
    package37479 (1.0.0)
    package37480 (1.0.0)
    package37481 (1.0.0)
    package37482 (1.0.0)
    package37483 (1.0.0)
    package37484 (1.0.0)
    package37485 (1.0.0)
    package37486 (1.0.0)
    package37487 (1.0.0)
    package37488 (1.0.0)
    package37489 (1.0.0)
    package37490 (1.0.0)
    package37491 (1.0.0)
    package37492 (1.0.0)
    package37493 (1.0.0)
    package37494 (1.0.0)
    package37495 (1.0.0)
    package37496 (1.0.0)
    package37497 (1.0.0)
    package37498 (1.0.0)
    package37499 (1.0.0)
    package37500 (1.0.0)
    package37501 (1.0.0)
    package37502 (1.0.0)
    package37503 (1.0.0)
    package37504 (1.0.0)
    package37505 (1.0.0)
    package37506 (1.0.0)
    package37507 (1.0.0)
    package37508 (1.0.0)
    package37509 (1.0.0)
    package37510 (1.0.0)
    package37511 (1.0.0)
    package37512 (1.0.0)
    package37513 (1.0.0)
    package37514 (1.0.0)
    package37515 (1.0.0)
    package37516 (1.0.0)
    package37517 (1.0.0)
    package37518 (1.0.0)
    package37519 (1.0.0)
    package37520 (1.0.0)
    package37521 (1.0.0)
    package37522 (1.0.0)
    package37523 (1.0.0)
    package37524 (1.0.0)
    package37525 (1.0.0)
    package37526 (1.0.0)
    package37527 (1.0.0)
    package37528 (1.0.0)
    package37529 (1.0.0)
    package37530 (1.0.0)
    package37531 (1.0.0)
    package37532 (1.0.0)
    package37533 (1.0.0)
    package37534 (1.0.0)
    package37535 (1.0.0)
    package37536 (1.0.0)
    package37537 (1.0.0)
    package37538 (1.0.0)
    package37539 (1.0.0)
    package37540 (1.0.0)
    package37541 (1.0.0)
    package37542 (1.0.0)
    package37543 (1.0.0)
    package37544 (1.0.0)
    package37545 (1.0.0)
    package37546 (1.0.0)
    package37547 (1.0.0)
    package37548 (1.0.0)
    package37549 (1.0.0)
    package37550 (1.0.0)
    package37551 (1.0.0)
    package37552 (1.0.0)
    package37553 (1.0.0)
    package37554 (1.0.0)
    package37555 (1.0.0)
    package37556 (1.0.0)
    package37557 (1.0.0)
    package37558 (1.0.0)
    package37559 (1.0.0)
    package37560 (1.0.0)
    package37561 (1.0.0)
    package37562 (1.0.0)
    package37563 (1.0.0)
    package37564 (1.0.0)
    package37565 (1.0.0)
    package37566 (1.0.0)
    package37567 (1.0.0)
    package37568 (1.0.0)
    package37569 (1.0.0)
    package37570 (1.0.0)
    package37571 (1.0.0)
    package37572 (1.0.0)
    package37573 (1.0.0)
    package37574 (1.0.0)
    package37575 (1.0.0)
    package37576 (1.0.0)
    package37577 (1.0.0)
    package37578 (1.0.0)
    package37579 (1.0.0)
    package37580 (1.0.0)
    package37581 (1.0.0)
    package37582 (1.0.0)
    package37583 (1.0.0)
    package37584 (1.0.0)
    package37585 (1.0.0)
    package37586 (1.0.0)
    package37587 (1.0.0)
    package37588 (1.0.0)
    package37589 (1.0.0)
    package37590 (1.0.0)
    package37591 (1.0.0)
    package37592 (1.0.0)
    package37593 (1.0.0)
    package37594 (1.0.0)
    package37595 (1.0.0)
    package37596 (1.0.0)
    package37597 (1.0.0)
    package37598 (1.0.0)
    package37599 (1.0.0)
    package37600 (1.0.0)
    package37601 (1.0.0)
    package37602 (1.0.0)
    package37603 (1.0.0)
    package37604 (1.0.0)
    package37605 (1.0.0)
    package37606 (1.0.0)
    package37607 (1.0.0)
    package37608 (1.0.0)
    package37609 (1.0.0)
    package37610 (1.0.0)
    package37611 (1.0.0)
    package37612 (1.0.0)
    package37613 (1.0.0)
    package37614 (1.0.0)
    package37615 (1.0.0)
    package37616 (1.0.0)
    package37617 (1.0.0)
    package37618 (1.0.0)
    package37619 (1.0.0)
    package37620 (1.0.0)
    package37621 (1.0.0)
    package37622 (1.0.0)
    package37623 (1.0.0)
    package37624 (1.0.0)
    package37625 (1.0.0)
    package37626 (1.0.0)
    package37627 (1.0.0)
    package37628 (1.0.0)
    package37629 (1.0.0)
    package37630 (1.0.0)
    package37631 (1.0.0)
    package37632 (1.0.0)
    package37633 (1.0.0)
    package37634 (1.0.0)
    package37635 (1.0.0)
    package37636 (1.0.0)
    package37637 (1.0.0)
    package37638 (1.0.0)
    package37639 (1.0.0)
    package37640 (1.0.0)
    package37641 (1.0.0)
    package37642 (1.0.0)
    package37643 (1.0.0)
    package37644 (1.0.0)
    package37645 (1.0.0)
    package37646 (1.0.0)
    package37647 (1.0.0)
    package37648 (1.0.0)
    package37649 (1.0.0)
    package37650 (1.0.0)
    package37651 (1.0.0)
    package37652 (1.0.0)
    package37653 (1.0.0)
    package37654 (1.0.0)
    package37655 (1.0.0)
    package37656 (1.0.0)
    package37657 (1.0.0)
    package37658 (1.0.0)
    package37659 (1.0.0)
    package37660 (1.0.0)
    package37661 (1.0.0)
    package37662 (1.0.0)
    package37663 (1.0.0)
    package37664 (1.0.0)
    package37665 (1.0.0)
    package37666 (1.0.0)
    package37667 (1.0.0)
    package37668 (1.0.0)
    package37669 (1.0.0)
    package37670 (1.0.0)
    package37671 (1.0.0)
    package37672 (1.0.0)
    package37673 (1.0.0)
    package37674 (1.0.0)
    package37675 (1.0.0)
    package37676 (1.0.0)
    package37677 (1.0.0)
    package37678 (1.0.0)
    package37679 (1.0.0)
    package37680 (1.0.0)
    package37681 (1.0.0)
    package37682 (1.0.0)
    package37683 (1.0.0)
    package37684 (1.0.0)
    package37685 (1.0.0)
    package37686 (1.0.0)
    package37687 (1.0.0)
    package37688 (1.0.0)
    package37689 (1.0.0)
    package37690 (1.0.0)
    package37691 (1.0.0)
    package37692 (1.0.0)
    package37693 (1.0.0)
    package37694 (1.0.0)
    package37695 (1.0.0)
    package37696 (1.0.0)
    package37697 (1.0.0)
    package37698 (1.0.0)
    package37699 (1.0.0)
    package37700 (1.0.0)
    package37701 (1.0.0)
    package37702 (1.0.0)
    package37703 (1.0.0)
    package37704 (1.0.0)
    package37705 (1.0.0)
    package37706 (1.0.0)
    package37707 (1.0.0)
    package37708 (1.0.0)
    package37709 (1.0.0)
    package37710 (1.0.0)
    package37711 (1.0.0)
    package37712 (1.0.0)
    package37713 (1.0.0)
    package37714 (1.0.0)
    package37715 (1.0.0)
    package37716 (1.0.0)
    package37717 (1.0.0)
    package37718 (1.0.0)
    package37719 (1.0.0)
    package37720 (1.0.0)
    package37721 (1.0.0)
    package37722 (1.0.0)
    package37723 (1.0.0)
    package37724 (1.0.0)
    package37725 (1.0.0)
    package37726 (1.0.0)
    package37727 (1.0.0)
    package37728 (1.0.0)
    package37729 (1.0.0)
    package37730 (1.0.0)
    package37731 (1.0.0)
    package37732 (1.0.0)
    package37733 (1.0.0)
    package37734 (1.0.0)
    package37735 (1.0.0)
    package37736 (1.0.0)
    package37737 (1.0.0)
    package37738 (1.0.0)
    package37739 (1.0.0)
    package37740 (1.0.0)
    package37741 (1.0.0)
    package37742 (1.0.0)
    package37743 (1.0.0)
    package37744 (1.0.0)
    package37745 (1.0.0)
    package37746 (1.0.0)
    package37747 (1.0.0)
    package37748 (1.0.0)
    package37749 (1.0.0)
    package37750 (1.0.0)
    package37751 (1.0.0)
    package37752 (1.0.0)
    package37753 (1.0.0)
    package37754 (1.0.0)
    package37755 (1.0.0)
    package37756 (1.0.0)
    package37757 (1.0.0)
    package37758 (1.0.0)
    package37759 (1.0.0)
    package37760 (1.0.0)
    package37761 (1.0.0)
    package37762 (1.0.0)
    package37763 (1.0.0)
    package37764 (1.0.0)
    package37765 (1.0.0)
    package37766 (1.0.0)
    package37767 (1.0.0)
    package37768 (1.0.0)
    package37769 (1.0.0)
    package37770 (1.0.0)
    package37771 (1.0.0)
    package37772 (1.0.0)
    package37773 (1.0.0)
    package37774 (1.0.0)
    package37775 (1.0.0)
    package37776 (1.0.0)
    package37777 (1.0.0)
    package37778 (1.0.0)
    package37779 (1.0.0)
    package37780 (1.0.0)
    package37781 (1.0.0)
    package37782 (1.0.0)
    package37783 (1.0.0)
    package37784 (1.0.0)
    package37785 (1.0.0)
    package37786 (1.0.0)
    package37787 (1.0.0)
    package37788 (1.0.0)
    package37789 (1.0.0)
    package37790 (1.0.0)
    package37791 (1.0.0)
    package37792 (1.0.0)
    package37793 (1.0.0)
    package37794 (1.0.0)
    package37795 (1.0.0)
    package37796 (1.0.0)
    package37797 (1.0.0)
    package37798 (1.0.0)
    package37799 (1.0.0)
    package37800 (1.0.0)
    package37801 (1.0.0)
    package37802 (1.0.0)
    package37803 (1.0.0)
    package37804 (1.0.0)
    package37805 (1.0.0)
    package37806 (1.0.0)
    package37807 (1.0.0)
    package37808 (1.0.0)
    package37809 (1.0.0)
    package37810 (1.0.0)
    package37811 (1.0.0)
    package37812 (1.0.0)
    package37813 (1.0.0)
    package37814 (1.0.0)
    package37815 (1.0.0)
    package37816 (1.0.0)
    package37817 (1.0.0)
    package37818 (1.0.0)
    package37819 (1.0.0)
    package37820 (1.0.0)
    package37821 (1.0.0)
    package37822 (1.0.0)
    package37823 (1.0.0)
    package37824 (1.0.0)
    package37825 (1.0.0)
    package37826 (1.0.0)
    package37827 (1.0.0)
    package37828 (1.0.0)
    package37829 (1.0.0)
    package37830 (1.0.0)
    package37831 (1.0.0)
    package37832 (1.0.0)
    package37833 (1.0.0)
    package37834 (1.0.0)
    package37835 (1.0.0)
    package37836 (1.0.0)
    package37837 (1.0.0)
    package37838 (1.0.0)
    package37839 (1.0.0)
    package37840 (1.0.0)
    package37841 (1.0.0)
    package37842 (1.0.0)
    package37843 (1.0.0)
    package37844 (1.0.0)
    package37845 (1.0.0)
    package37846 (1.0.0)
    package37847 (1.0.0)
    package37848 (1.0.0)
    package37849 (1.0.0)
    package37850 (1.0.0)
    package37851 (1.0.0)
    package37852 (1.0.0)
    package37853 (1.0.0)
    package37854 (1.0.0)
    package37855 (1.0.0)
    package37856 (1.0.0)
    package37857 (1.0.0)
    package37858 (1.0.0)
    package37859 (1.0.0)
    package37860 (1.0.0)
    package37861 (1.0.0)
    package37862 (1.0.0)
    package37863 (1.0.0)
    package37864 (1.0.0)
    package37865 (1.0.0)
    package37866 (1.0.0)
    package37867 (1.0.0)
    package37868 (1.0.0)
    package37869 (1.0.0)
    package37870 (1.0.0)
    package37871 (1.0.0)
    package37872 (1.0.0)
    package37873 (1.0.0)
    package37874 (1.0.0)
    package37875 (1.0.0)
    package37876 (1.0.0)
    package37877 (1.0.0)
    package37878 (1.0.0)
    package37879 (1.0.0)
    package37880 (1.0.0)
    package37881 (1.0.0)
    package37882 (1.0.0)
    package37883 (1.0.0)
    package37884 (1.0.0)
    package37885 (1.0.0)
    package37886 (1.0.0)
    package37887 (1.0.0)
    package37888 (1.0.0)
    package37889 (1.0.0)
    package37890 (1.0.0)
    package37891 (1.0.0)
    package37892 (1.0.0)
    package37893 (1.0.0)
    package37894 (1.0.0)
    package37895 (1.0.0)
    package37896 (1.0.0)
    package37897 (1.0.0)
    package37898 (1.0.0)
    package37899 (1.0.0)
    package37900 (1.0.0)
    package37901 (1.0.0)
    package37902 (1.0.0)
    package37903 (1.0.0)
    package37904 (1.0.0)
    package37905 (1.0.0)
    package37906 (1.0.0)
    package37907 (1.0.0)
    package37908 (1.0.0)
    package37909 (1.0.0)
    package37910 (1.0.0)
    package37911 (1.0.0)
    package37912 (1.0.0)
    package37913 (1.0.0)
    package37914 (1.0.0)
    package37915 (1.0.0)
    package37916 (1.0.0)
    package37917 (1.0.0)
    package37918 (1.0.0)
    package37919 (1.0.0)
    package37920 (1.0.0)
    package37921 (1.0.0)
    package37922 (1.0.0)
    package37923 (1.0.0)
    package37924 (1.0.0)
    package37925 (1.0.0)
    package37926 (1.0.0)
    package37927 (1.0.0)
    package37928 (1.0.0)
    package37929 (1.0.0)
    package37930 (1.0.0)
    package37931 (1.0.0)
    package37932 (1.0.0)
    package37933 (1.0.0)
    package37934 (1.0.0)
    package37935 (1.0.0)
    package37936 (1.0.0)
    package37937 (1.0.0)
    package37938 (1.0.0)
    package37939 (1.0.0)
    package37940 (1.0.0)
    package37941 (1.0.0)
    package37942 (1.0.0)
    package37943 (1.0.0)
    package37944 (1.0.0)
    package37945 (1.0.0)
    package37946 (1.0.0)
    package37947 (1.0.0)
    package37948 (1.0.0)
    package37949 (1.0.0)
    package37950 (1.0.0)
    package37951 (1.0.0)
    package37952 (1.0.0)
    package37953 (1.0.0)
    package37954 (1.0.0)
    package37955 (1.0.0)
    package37956 (1.0.0)
    package37957 (1.0.0)
    package37958 (1.0.0)
    package37959 (1.0.0)
    package37960 (1.0.0)
    package37961 (1.0.0)
    package37962 (1.0.0)
    package37963 (1.0.0)
    package37964 (1.0.0)
    package37965 (1.0.0)
    package37966 (1.0.0)
    package37967 (1.0.0)
    package37968 (1.0.0)
    package37969 (1.0.0)
    package37970 (1.0.0)
    package37971 (1.0.0)
    package37972 (1.0.0)
    package37973 (1.0.0)
    package37974 (1.0.0)
    package37975 (1.0.0)
    package37976 (1.0.0)
    package37977 (1.0.0)
    package37978 (1.0.0)
    package37979 (1.0.0)
    package37980 (1.0.0)
    package37981 (1.0.0)
    package37982 (1.0.0)
    package37983 (1.0.0)
    package37984 (1.0.0)
    package37985 (1.0.0)
    package37986 (1.0.0)
    package37987 (1.0.0)
    package37988 (1.0.0)
    package37989 (1.0.0)
    package37990 (1.0.0)
    package37991 (1.0.0)
    package37992 (1.0.0)
    package37993 (1.0.0)
    package37994 (1.0.0)
    package37995 (1.0.0)
    package37996 (1.0.0)
    package37997 (1.0.0)
    package37998 (1.0.0)
    package37999 (1.0.0)
    package38000 (1.0.0)
    package38001 (1.0.0)
    package38002 (1.0.0)
    package38003 (1.0.0)
    package38004 (1.0.0)
    package38005 (1.0.0)
    package38006 (1.0.0)
    package38007 (1.0.0)
    package38008 (1.0.0)
    package38009 (1.0.0)
    package38010 (1.0.0)
    package38011 (1.0.0)
    package38012 (1.0.0)
    package38013 (1.0.0)
    package38014 (1.0.0)
    package38015 (1.0.0)
    package38016 (1.0.0)
    package38017 (1.0.0)
    package38018 (1.0.0)
    package38019 (1.0.0)
    package38020 (1.0.0)
    package38021 (1.0.0)
    package38022 (1.0.0)
    package38023 (1.0.0)
    package38024 (1.0.0)
    package38025 (1.0.0)
    package38026 (1.0.0)
    package38027 (1.0.0)
    package38028 (1.0.0)
    package38029 (1.0.0)
    package38030 (1.0.0)
    package38031 (1.0.0)
    package38032 (1.0.0)
    package38033 (1.0.0)
    package38034 (1.0.0)
    package38035 (1.0.0)
    package38036 (1.0.0)
    package38037 (1.0.0)
    package38038 (1.0.0)
    package38039 (1.0.0)
    package38040 (1.0.0)
    package38041 (1.0.0)
    package38042 (1.0.0)
    package38043 (1.0.0)
    package38044 (1.0.0)
    package38045 (1.0.0)
    package38046 (1.0.0)
    package38047 (1.0.0)
    package38048 (1.0.0)
    package38049 (1.0.0)
    package38050 (1.0.0)
    package38051 (1.0.0)
    package38052 (1.0.0)
    package38053 (1.0.0)
    package38054 (1.0.0)
    package38055 (1.0.0)
    package38056 (1.0.0)
    package38057 (1.0.0)
    package38058 (1.0.0)
    package38059 (1.0.0)
    package38060 (1.0.0)
    package38061 (1.0.0)
    package38062 (1.0.0)
    package38063 (1.0.0)
    package38064 (1.0.0)
    package38065 (1.0.0)
    package38066 (1.0.0)
    package38067 (1.0.0)
    package38068 (1.0.0)
    package38069 (1.0.0)
    package38070 (1.0.0)
    package38071 (1.0.0)
    package38072 (1.0.0)
    package38073 (1.0.0)
    package38074 (1.0.0)
    package38075 (1.0.0)
    package38076 (1.0.0)
    package38077 (1.0.0)
    package38078 (1.0.0)
    package38079 (1.0.0)
    package38080 (1.0.0)
    package38081 (1.0.0)
    package38082 (1.0.0)
    package38083 (1.0.0)
    package38084 (1.0.0)
    package38085 (1.0.0)
    package38086 (1.0.0)
    package38087 (1.0.0)
    package38088 (1.0.0)
    package38089 (1.0.0)
    package38090 (1.0.0)
    package38091 (1.0.0)
    package38092 (1.0.0)
    package38093 (1.0.0)
    package38094 (1.0.0)
    package38095 (1.0.0)
    package38096 (1.0.0)
    package38097 (1.0.0)
    package38098 (1.0.0)
    package38099 (1.0.0)
    package38100 (1.0.0)
    package38101 (1.0.0)
    package38102 (1.0.0)
    package38103 (1.0.0)
    package38104 (1.0.0)
    package38105 (1.0.0)
    package38106 (1.0.0)
    package38107 (1.0.0)
    package38108 (1.0.0)
    package38109 (1.0.0)
    package38110 (1.0.0)
    package38111 (1.0.0)
    package38112 (1.0.0)
    package38113 (1.0.0)
    package38114 (1.0.0)
    package38115 (1.0.0)
    package38116 (1.0.0)
    package38117 (1.0.0)
    package38118 (1.0.0)
    package38119 (1.0.0)
    package38120 (1.0.0)
    package38121 (1.0.0)
    package38122 (1.0.0)
    package38123 (1.0.0)
    package38124 (1.0.0)
    package38125 (1.0.0)
    package38126 (1.0.0)
    package38127 (1.0.0)
    package38128 (1.0.0)
    package38129 (1.0.0)
    package38130 (1.0.0)
    package38131 (1.0.0)
    package38132 (1.0.0)
    package38133 (1.0.0)
    package38134 (1.0.0)
    package38135 (1.0.0)
    package38136 (1.0.0)
    package38137 (1.0.0)
    package38138 (1.0.0)
    package38139 (1.0.0)
    package38140 (1.0.0)
    package38141 (1.0.0)
    package38142 (1.0.0)
    package38143 (1.0.0)
    package38144 (1.0.0)
    package38145 (1.0.0)
    package38146 (1.0.0)
    package38147 (1.0.0)
    package38148 (1.0.0)
    package38149 (1.0.0)
    package38150 (1.0.0)
    package38151 (1.0.0)
    package38152 (1.0.0)
    package38153 (1.0.0)
    package38154 (1.0.0)
    package38155 (1.0.0)
    package38156 (1.0.0)
    package38157 (1.0.0)
    package38158 (1.0.0)
    package38159 (1.0.0)
    package38160 (1.0.0)
    package38161 (1.0.0)
    package38162 (1.0.0)
    package38163 (1.0.0)
    package38164 (1.0.0)
    package38165 (1.0.0)
    package38166 (1.0.0)
    package38167 (1.0.0)
    package38168 (1.0.0)
    package38169 (1.0.0)
    package38170 (1.0.0)
    package38171 (1.0.0)
    package38172 (1.0.0)
    package38173 (1.0.0)
    package38174 (1.0.0)
    package38175 (1.0.0)
    package38176 (1.0.0)
    package38177 (1.0.0)
    package38178 (1.0.0)
    package38179 (1.0.0)
    package38180 (1.0.0)
    package38181 (1.0.0)
    package38182 (1.0.0)
    package38183 (1.0.0)
    package38184 (1.0.0)
    package38185 (1.0.0)
    package38186 (1.0.0)
    package38187 (1.0.0)
    package38188 (1.0.0)
    package38189 (1.0.0)
    package38190 (1.0.0)
    package38191 (1.0.0)
    package38192 (1.0.0)
    package38193 (1.0.0)
    package38194 (1.0.0)
    package38195 (1.0.0)
    package38196 (1.0.0)
    package38197 (1.0.0)
    package38198 (1.0.0)
    package38199 (1.0.0)
    package38200 (1.0.0)
    package38201 (1.0.0)
    package38202 (1.0.0)
    package38203 (1.0.0)
    package38204 (1.0.0)
    package38205 (1.0.0)
    package38206 (1.0.0)
    package38207 (1.0.0)
    package38208 (1.0.0)
    package38209 (1.0.0)
    package38210 (1.0.0)
    package38211 (1.0.0)
    package38212 (1.0.0)
    package38213 (1.0.0)
    package38214 (1.0.0)
    package38215 (1.0.0)
    package38216 (1.0.0)
    package38217 (1.0.0)
    package38218 (1.0.0)
    package38219 (1.0.0)
    package38220 (1.0.0)
    package38221 (1.0.0)
    package38222 (1.0.0)
    package38223 (1.0.0)
    package38224 (1.0.0)
    package38225 (1.0.0)
    package38226 (1.0.0)
    package38227 (1.0.0)
    package38228 (1.0.0)
    package38229 (1.0.0)
    package38230 (1.0.0)
    package38231 (1.0.0)
    package38232 (1.0.0)
    package38233 (1.0.0)
    package38234 (1.0.0)
    package38235 (1.0.0)
    package38236 (1.0.0)
    package38237 (1.0.0)
    package38238 (1.0.0)
    package38239 (1.0.0)
    package38240 (1.0.0)
    package38241 (1.0.0)
    package38242 (1.0.0)
    package38243 (1.0.0)
    package38244 (1.0.0)
    package38245 (1.0.0)
    package38246 (1.0.0)
    package38247 (1.0.0)
    package38248 (1.0.0)
    package38249 (1.0.0)
    package38250 (1.0.0)
    package38251 (1.0.0)
    package38252 (1.0.0)
    package38253 (1.0.0)
    package38254 (1.0.0)
    package38255 (1.0.0)
    package38256 (1.0.0)
    package38257 (1.0.0)
    package38258 (1.0.0)
    package38259 (1.0.0)
    package38260 (1.0.0)
    package38261 (1.0.0)
    package38262 (1.0.0)
    package38263 (1.0.0)
    package38264 (1.0.0)
    package38265 (1.0.0)
    package38266 (1.0.0)
    package38267 (1.0.0)
    package38268 (1.0.0)
    package38269 (1.0.0)
    package38270 (1.0.0)
    package38271 (1.0.0)
    package38272 (1.0.0)
    package38273 (1.0.0)
    package38274 (1.0.0)
    package38275 (1.0.0)
    package38276 (1.0.0)
    package38277 (1.0.0)
    package38278 (1.0.0)
    package38279 (1.0.0)
    package38280 (1.0.0)
    package38281 (1.0.0)
    package38282 (1.0.0)
    package38283 (1.0.0)
    package38284 (1.0.0)
    package38285 (1.0.0)
    package38286 (1.0.0)
    package38287 (1.0.0)
    package38288 (1.0.0)
    package38289 (1.0.0)
    package38290 (1.0.0)
    package38291 (1.0.0)
    package38292 (1.0.0)
    package38293 (1.0.0)
    package38294 (1.0.0)
    package38295 (1.0.0)
    package38296 (1.0.0)
    package38297 (1.0.0)
    package38298 (1.0.0)
    package38299 (1.0.0)
    package38300 (1.0.0)
    package38301 (1.0.0)
    package38302 (1.0.0)
    package38303 (1.0.0)
    package38304 (1.0.0)
    package38305 (1.0.0)
    package38306 (1.0.0)
    package38307 (1.0.0)
    package38308 (1.0.0)
    package38309 (1.0.0)
    package38310 (1.0.0)
    package38311 (1.0.0)
    package38312 (1.0.0)
    package38313 (1.0.0)
    package38314 (1.0.0)
    package38315 (1.0.0)
    package38316 (1.0.0)
    package38317 (1.0.0)
    package38318 (1.0.0)
    package38319 (1.0.0)
    package38320 (1.0.0)
    package38321 (1.0.0)
    package38322 (1.0.0)
    package38323 (1.0.0)
    package38324 (1.0.0)
    package38325 (1.0.0)
    package38326 (1.0.0)
    package38327 (1.0.0)
    package38328 (1.0.0)
    package38329 (1.0.0)
    package38330 (1.0.0)
    package38331 (1.0.0)
    package38332 (1.0.0)
    package38333 (1.0.0)
    package38334 (1.0.0)
    package38335 (1.0.0)
    package38336 (1.0.0)
    package38337 (1.0.0)
    package38338 (1.0.0)
    package38339 (1.0.0)
    package38340 (1.0.0)
    package38341 (1.0.0)
    package38342 (1.0.0)
    package38343 (1.0.0)
    package38344 (1.0.0)
    package38345 (1.0.0)
    package38346 (1.0.0)
    package38347 (1.0.0)
    package38348 (1.0.0)
    package38349 (1.0.0)
    package38350 (1.0.0)
    package38351 (1.0.0)
    package38352 (1.0.0)
    package38353 (1.0.0)
    package38354 (1.0.0)
    package38355 (1.0.0)
    package38356 (1.0.0)
    package38357 (1.0.0)
    package38358 (1.0.0)
    package38359 (1.0.0)
    package38360 (1.0.0)
    package38361 (1.0.0)
    package38362 (1.0.0)
    package38363 (1.0.0)
    package38364 (1.0.0)
    package38365 (1.0.0)
    package38366 (1.0.0)
    package38367 (1.0.0)
    package38368 (1.0.0)
    package38369 (1.0.0)
    package38370 (1.0.0)
    package38371 (1.0.0)
    package38372 (1.0.0)
    package38373 (1.0.0)
    package38374 (1.0.0)
    package38375 (1.0.0)
    package38376 (1.0.0)
    package38377 (1.0.0)
    package38378 (1.0.0)
    package38379 (1.0.0)
    package38380 (1.0.0)
    package38381 (1.0.0)
    package38382 (1.0.0)
    package38383 (1.0.0)
    package38384 (1.0.0)
    package38385 (1.0.0)
    package38386 (1.0.0)
    package38387 (1.0.0)
    package38388 (1.0.0)
    package38389 (1.0.0)
    package38390 (1.0.0)
    package38391 (1.0.0)
    package38392 (1.0.0)
    package38393 (1.0.0)
    package38394 (1.0.0)
    package38395 (1.0.0)
    package38396 (1.0.0)
    package38397 (1.0.0)
    package38398 (1.0.0)
    package38399 (1.0.0)
    package38400 (1.0.0)
    package38401 (1.0.0)
    package38402 (1.0.0)
    package38403 (1.0.0)
    package38404 (1.0.0)
    package38405 (1.0.0)
    package38406 (1.0.0)
    package38407 (1.0.0)
    package38408 (1.0.0)
    package38409 (1.0.0)
    package38410 (1.0.0)
    package38411 (1.0.0)
    package38412 (1.0.0)
    package38413 (1.0.0)
    package38414 (1.0.0)
    package38415 (1.0.0)
    package38416 (1.0.0)
    package38417 (1.0.0)
    package38418 (1.0.0)
    package38419 (1.0.0)
    package38420 (1.0.0)
    package38421 (1.0.0)
    package38422 (1.0.0)
    package38423 (1.0.0)
    package38424 (1.0.0)
    package38425 (1.0.0)
    package38426 (1.0.0)
    package38427 (1.0.0)
    package38428 (1.0.0)
    package38429 (1.0.0)
    package38430 (1.0.0)
    package38431 (1.0.0)
    package38432 (1.0.0)
    package38433 (1.0.0)
    package38434 (1.0.0)
    package38435 (1.0.0)
    package38436 (1.0.0)
    package38437 (1.0.0)
    package38438 (1.0.0)
    package38439 (1.0.0)
    package38440 (1.0.0)
    package38441 (1.0.0)
    package38442 (1.0.0)
    package38443 (1.0.0)
    package38444 (1.0.0)
    package38445 (1.0.0)
    package38446 (1.0.0)
    package38447 (1.0.0)
    package38448 (1.0.0)
    package38449 (1.0.0)
    package38450 (1.0.0)
    package38451 (1.0.0)
    package38452 (1.0.0)
    package38453 (1.0.0)
    package38454 (1.0.0)
    package38455 (1.0.0)
    package38456 (1.0.0)
    package38457 (1.0.0)
    package38458 (1.0.0)
    package38459 (1.0.0)
    package38460 (1.0.0)
    package38461 (1.0.0)
    package38462 (1.0.0)
    package38463 (1.0.0)
    package38464 (1.0.0)
    package38465 (1.0.0)
    package38466 (1.0.0)
    package38467 (1.0.0)
    package38468 (1.0.0)
    package38469 (1.0.0)
    package38470 (1.0.0)
    package38471 (1.0.0)
    package38472 (1.0.0)
    package38473 (1.0.0)
    package38474 (1.0.0)
    package38475 (1.0.0)
    package38476 (1.0.0)
    package38477 (1.0.0)
    package38478 (1.0.0)
    package38479 (1.0.0)
    package38480 (1.0.0)
    package38481 (1.0.0)
    package38482 (1.0.0)
    package38483 (1.0.0)
    package38484 (1.0.0)
    package38485 (1.0.0)
    package38486 (1.0.0)
    package38487 (1.0.0)
    package38488 (1.0.0)
    package38489 (1.0.0)
    package38490 (1.0.0)
    package38491 (1.0.0)
    package38492 (1.0.0)
    package38493 (1.0.0)
    package38494 (1.0.0)
    package38495 (1.0.0)
    package38496 (1.0.0)
    package38497 (1.0.0)
    package38498 (1.0.0)
    package38499 (1.0.0)
    package38500 (1.0.0)
    package38501 (1.0.0)
    package38502 (1.0.0)
    package38503 (1.0.0)
    package38504 (1.0.0)
    package38505 (1.0.0)
    package38506 (1.0.0)
    package38507 (1.0.0)
    package38508 (1.0.0)
    package38509 (1.0.0)
    package38510 (1.0.0)
    package38511 (1.0.0)
    package38512 (1.0.0)
    package38513 (1.0.0)
    package38514 (1.0.0)
    package38515 (1.0.0)
    package38516 (1.0.0)
    package38517 (1.0.0)
    package38518 (1.0.0)
    package38519 (1.0.0)
    package38520 (1.0.0)
    package38521 (1.0.0)
    package38522 (1.0.0)
    package38523 (1.0.0)
    package38524 (1.0.0)
    package38525 (1.0.0)
    package38526 (1.0.0)
    package38527 (1.0.0)
    package38528 (1.0.0)
    package38529 (1.0.0)
    package38530 (1.0.0)
    package38531 (1.0.0)
    package38532 (1.0.0)
    package38533 (1.0.0)
    package38534 (1.0.0)
    package38535 (1.0.0)
    package38536 (1.0.0)
    package38537 (1.0.0)
    package38538 (1.0.0)
    package38539 (1.0.0)
    package38540 (1.0.0)
    package38541 (1.0.0)
    package38542 (1.0.0)
    package38543 (1.0.0)
    package38544 (1.0.0)
    package38545 (1.0.0)
    package38546 (1.0.0)
    package38547 (1.0.0)
    package38548 (1.0.0)
    package38549 (1.0.0)
    package38550 (1.0.0)
    package38551 (1.0.0)
    package38552 (1.0.0)
    package38553 (1.0.0)
    package38554 (1.0.0)
    package38555 (1.0.0)
    package38556 (1.0.0)
    package38557 (1.0.0)
    package38558 (1.0.0)
    package38559 (1.0.0)
    package38560 (1.0.0)
    package38561 (1.0.0)
    package38562 (1.0.0)
    package38563 (1.0.0)
    package38564 (1.0.0)
    package38565 (1.0.0)
    package38566 (1.0.0)
    package38567 (1.0.0)
    package38568 (1.0.0)
    package38569 (1.0.0)
    package38570 (1.0.0)
    package38571 (1.0.0)
    package38572 (1.0.0)
    package38573 (1.0.0)
    package38574 (1.0.0)
    package38575 (1.0.0)
    package38576 (1.0.0)
    package38577 (1.0.0)
    package38578 (1.0.0)
    package38579 (1.0.0)
    package38580 (1.0.0)
    package38581 (1.0.0)
    package38582 (1.0.0)
    package38583 (1.0.0)
    package38584 (1.0.0)
    package38585 (1.0.0)
    package38586 (1.0.0)
    package38587 (1.0.0)
    package38588 (1.0.0)
    package38589 (1.0.0)
    package38590 (1.0.0)
    package38591 (1.0.0)
    package38592 (1.0.0)
    package38593 (1.0.0)
    package38594 (1.0.0)
    package38595 (1.0.0)
    package38596 (1.0.0)
    package38597 (1.0.0)
    package38598 (1.0.0)
    package38599 (1.0.0)
    package38600 (1.0.0)
    package38601 (1.0.0)
    package38602 (1.0.0)
    package38603 (1.0.0)
    package38604 (1.0.0)
    package38605 (1.0.0)
    package38606 (1.0.0)
    package38607 (1.0.0)
    package38608 (1.0.0)
    package38609 (1.0.0)
    package38610 (1.0.0)
    package38611 (1.0.0)
    package38612 (1.0.0)
    package38613 (1.0.0)
    package38614 (1.0.0)
    package38615 (1.0.0)
    package38616 (1.0.0)
    package38617 (1.0.0)
    package38618 (1.0.0)
    package38619 (1.0.0)
    package38620 (1.0.0)
    package38621 (1.0.0)
    package38622 (1.0.0)
    package38623 (1.0.0)
    package38624 (1.0.0)
    package38625 (1.0.0)
    package38626 (1.0.0)
    package38627 (1.0.0)
    package38628 (1.0.0)
    package38629 (1.0.0)
    package38630 (1.0.0)
    package38631 (1.0.0)
    package38632 (1.0.0)
    package38633 (1.0.0)
    package38634 (1.0.0)
    package38635 (1.0.0)
    package38636 (1.0.0)
    package38637 (1.0.0)
    package38638 (1.0.0)
    package38639 (1.0.0)
    package38640 (1.0.0)
    package38641 (1.0.0)
    package38642 (1.0.0)
    package38643 (1.0.0)
    package38644 (1.0.0)
    package38645 (1.0.0)
    package38646 (1.0.0)
    package38647 (1.0.0)
    package38648 (1.0.0)
    package38649 (1.0.0)
    package38650 (1.0.0)
    package38651 (1.0.0)
    package38652 (1.0.0)
    package38653 (1.0.0)
    package38654 (1.0.0)
    package38655 (1.0.0)
    package38656 (1.0.0)
    package38657 (1.0.0)
    package38658 (1.0.0)
    package38659 (1.0.0)
    package38660 (1.0.0)
    package38661 (1.0.0)
    package38662 (1.0.0)
    package38663 (1.0.0)
    package38664 (1.0.0)
    package38665 (1.0.0)
    package38666 (1.0.0)
    package38667 (1.0.0)
    package38668 (1.0.0)
    package38669 (1.0.0)
    package38670 (1.0.0)
    package38671 (1.0.0)
    package38672 (1.0.0)
    package38673 (1.0.0)
    package38674 (1.0.0)
    package38675 (1.0.0)
    package38676 (1.0.0)
    package38677 (1.0.0)
    package38678 (1.0.0)
    package38679 (1.0.0)
    package38680 (1.0.0)
    package38681 (1.0.0)
    package38682 (1.0.0)
    package38683 (1.0.0)
    package38684 (1.0.0)
    package38685 (1.0.0)
    package38686 (1.0.0)
    package38687 (1.0.0)
    package38688 (1.0.0)
    package38689 (1.0.0)
    package38690 (1.0.0)
    package38691 (1.0.0)
    package38692 (1.0.0)
    package38693 (1.0.0)
    package38694 (1.0.0)
    package38695 (1.0.0)
    package38696 (1.0.0)
    package38697 (1.0.0)
    package38698 (1.0.0)
    package38699 (1.0.0)
    package38700 (1.0.0)
    package38701 (1.0.0)
    package38702 (1.0.0)
    package38703 (1.0.0)
    package38704 (1.0.0)
    package38705 (1.0.0)
    package38706 (1.0.0)
    package38707 (1.0.0)
    package38708 (1.0.0)
    package38709 (1.0.0)
    package38710 (1.0.0)
    package38711 (1.0.0)
    package38712 (1.0.0)
    package38713 (1.0.0)
    package38714 (1.0.0)
    package38715 (1.0.0)
    package38716 (1.0.0)
    package38717 (1.0.0)
    package38718 (1.0.0)
    package38719 (1.0.0)
    package38720 (1.0.0)
    package38721 (1.0.0)
    package38722 (1.0.0)
    package38723 (1.0.0)
    package38724 (1.0.0)
    package38725 (1.0.0)
    package38726 (1.0.0)
    package38727 (1.0.0)
    package38728 (1.0.0)
    package38729 (1.0.0)
    package38730 (1.0.0)
    package38731 (1.0.0)
    package38732 (1.0.0)
    package38733 (1.0.0)
    package38734 (1.0.0)
    package38735 (1.0.0)
    package38736 (1.0.0)
    package38737 (1.0.0)
    package38738 (1.0.0)
    package38739 (1.0.0)
    package38740 (1.0.0)
    package38741 (1.0.0)
    package38742 (1.0.0)
    package38743 (1.0.0)
    package38744 (1.0.0)
    package38745 (1.0.0)
    package38746 (1.0.0)
    package38747 (1.0.0)
    package38748 (1.0.0)
    package38749 (1.0.0)
    package38750 (1.0.0)
    package38751 (1.0.0)
    package38752 (1.0.0)
    package38753 (1.0.0)
    package38754 (1.0.0)
    package38755 (1.0.0)
    package38756 (1.0.0)
    package38757 (1.0.0)
    package38758 (1.0.0)
    package38759 (1.0.0)
    package38760 (1.0.0)
    package38761 (1.0.0)
    package38762 (1.0.0)
    package38763 (1.0.0)
    package38764 (1.0.0)
    package38765 (1.0.0)
    package38766 (1.0.0)
    package38767 (1.0.0)
    package38768 (1.0.0)
    package38769 (1.0.0)
    package38770 (1.0.0)
    package38771 (1.0.0)
    package38772 (1.0.0)
    package38773 (1.0.0)
    package38774 (1.0.0)
    package38775 (1.0.0)
    package38776 (1.0.0)
    package38777 (1.0.0)
    package38778 (1.0.0)
    package38779 (1.0.0)
    package38780 (1.0.0)
    package38781 (1.0.0)
    package38782 (1.0.0)
    package38783 (1.0.0)
    package38784 (1.0.0)
    package38785 (1.0.0)
    package38786 (1.0.0)
    package38787 (1.0.0)
    package38788 (1.0.0)
    package38789 (1.0.0)
    package38790 (1.0.0)
    package38791 (1.0.0)
    package38792 (1.0.0)
    package38793 (1.0.0)
    package38794 (1.0.0)
    package38795 (1.0.0)
    package38796 (1.0.0)
    package38797 (1.0.0)
    package38798 (1.0.0)
    package38799 (1.0.0)
    package38800 (1.0.0)
    package38801 (1.0.0)
    package38802 (1.0.0)
    package38803 (1.0.0)
    package38804 (1.0.0)
    package38805 (1.0.0)
    package38806 (1.0.0)
    package38807 (1.0.0)
    package38808 (1.0.0)
    package38809 (1.0.0)
    package38810 (1.0.0)
    package38811 (1.0.0)
    package38812 (1.0.0)
    package38813 (1.0.0)
    package38814 (1.0.0)
    package38815 (1.0.0)
    package38816 (1.0.0)
    package38817 (1.0.0)
    package38818 (1.0.0)
    package38819 (1.0.0)
    package38820 (1.0.0)
    package38821 (1.0.0)
    package38822 (1.0.0)
    package38823 (1.0.0)
    package38824 (1.0.0)
    package38825 (1.0.0)
    package38826 (1.0.0)
    package38827 (1.0.0)
    package38828 (1.0.0)
    package38829 (1.0.0)
    package38830 (1.0.0)
    package38831 (1.0.0)
    package38832 (1.0.0)
    package38833 (1.0.0)
    package38834 (1.0.0)
    package38835 (1.0.0)
    package38836 (1.0.0)
    package38837 (1.0.0)
    package38838 (1.0.0)
    package38839 (1.0.0)
    package38840 (1.0.0)
    package38841 (1.0.0)
    package38842 (1.0.0)
    package38843 (1.0.0)
    package38844 (1.0.0)
    package38845 (1.0.0)
    package38846 (1.0.0)
    package38847 (1.0.0)
    package38848 (1.0.0)
    package38849 (1.0.0)
    package38850 (1.0.0)
    package38851 (1.0.0)
    package38852 (1.0.0)
    package38853 (1.0.0)
    package38854 (1.0.0)
    package38855 (1.0.0)
    package38856 (1.0.0)
    package38857 (1.0.0)
    package38858 (1.0.0)
    package38859 (1.0.0)
    package38860 (1.0.0)
    package38861 (1.0.0)
    package38862 (1.0.0)
    package38863 (1.0.0)
    package38864 (1.0.0)
    package38865 (1.0.0)
    package38866 (1.0.0)
    package38867 (1.0.0)
    package38868 (1.0.0)
    package38869 (1.0.0)
    package38870 (1.0.0)
    package38871 (1.0.0)
    package38872 (1.0.0)
    package38873 (1.0.0)
    package38874 (1.0.0)
    package38875 (1.0.0)
    package38876 (1.0.0)
    package38877 (1.0.0)
    package38878 (1.0.0)
    package38879 (1.0.0)
    package38880 (1.0.0)
    package38881 (1.0.0)
    package38882 (1.0.0)
    package38883 (1.0.0)
    package38884 (1.0.0)
    package38885 (1.0.0)
    package38886 (1.0.0)
    package38887 (1.0.0)
    package38888 (1.0.0)
    package38889 (1.0.0)
    package38890 (1.0.0)
    package38891 (1.0.0)
    package38892 (1.0.0)
    package38893 (1.0.0)
    package38894 (1.0.0)
    package38895 (1.0.0)
    package38896 (1.0.0)
    package38897 (1.0.0)
    package38898 (1.0.0)
    package38899 (1.0.0)
    package38900 (1.0.0)
    package38901 (1.0.0)
    package38902 (1.0.0)
    package38903 (1.0.0)
    package38904 (1.0.0)
    package38905 (1.0.0)
    package38906 (1.0.0)
    package38907 (1.0.0)
    package38908 (1.0.0)
    package38909 (1.0.0)
    package38910 (1.0.0)
    package38911 (1.0.0)
    package38912 (1.0.0)
    package38913 (1.0.0)
    package38914 (1.0.0)
    package38915 (1.0.0)
    package38916 (1.0.0)
    package38917 (1.0.0)
    package38918 (1.0.0)
    package38919 (1.0.0)
    package38920 (1.0.0)
    package38921 (1.0.0)
    package38922 (1.0.0)
    package38923 (1.0.0)
    package38924 (1.0.0)
    package38925 (1.0.0)
    package38926 (1.0.0)
    package38927 (1.0.0)
    package38928 (1.0.0)
    package38929 (1.0.0)
    package38930 (1.0.0)
    package38931 (1.0.0)
    package38932 (1.0.0)
    package38933 (1.0.0)
    package38934 (1.0.0)
    package38935 (1.0.0)
    package38936 (1.0.0)
    package38937 (1.0.0)
    package38938 (1.0.0)
    package38939 (1.0.0)
    package38940 (1.0.0)
    package38941 (1.0.0)
    package38942 (1.0.0)
    package38943 (1.0.0)
    package38944 (1.0.0)
    package38945 (1.0.0)
    package38946 (1.0.0)
    package38947 (1.0.0)
    package38948 (1.0.0)
    package38949 (1.0.0)
    package38950 (1.0.0)
    package38951 (1.0.0)
    package38952 (1.0.0)
    package38953 (1.0.0)
    package38954 (1.0.0)
    package38955 (1.0.0)
    package38956 (1.0.0)
    package38957 (1.0.0)
    package38958 (1.0.0)
    package38959 (1.0.0)
    package38960 (1.0.0)
    package38961 (1.0.0)
    package38962 (1.0.0)
    package38963 (1.0.0)
    package38964 (1.0.0)
    package38965 (1.0.0)
    package38966 (1.0.0)
    package38967 (1.0.0)
    package38968 (1.0.0)
    package38969 (1.0.0)
    package38970 (1.0.0)
    package38971 (1.0.0)
    package38972 (1.0.0)
    package38973 (1.0.0)
    package38974 (1.0.0)
    package38975 (1.0.0)
    package38976 (1.0.0)
    package38977 (1.0.0)
    package38978 (1.0.0)
    package38979 (1.0.0)
    package38980 (1.0.0)
    package38981 (1.0.0)
    package38982 (1.0.0)
    package38983 (1.0.0)
    package38984 (1.0.0)
    package38985 (1.0.0)
    package38986 (1.0.0)
    package38987 (1.0.0)
    package38988 (1.0.0)
    package38989 (1.0.0)
    package38990 (1.0.0)
    package38991 (1.0.0)
    package38992 (1.0.0)
    package38993 (1.0.0)
    package38994 (1.0.0)
    package38995 (1.0.0)
    package38996 (1.0.0)
    package38997 (1.0.0)
    package38998 (1.0.0)
    package38999 (1.0.0)
    package39000 (1.0.0)
    package39001 (1.0.0)
    package39002 (1.0.0)
    package39003 (1.0.0)
    package39004 (1.0.0)
    package39005 (1.0.0)
    package39006 (1.0.0)
    package39007 (1.0.0)
    package39008 (1.0.0)
    package39009 (1.0.0)
    package39010 (1.0.0)
    package39011 (1.0.0)
    package39012 (1.0.0)
    package39013 (1.0.0)
    package39014 (1.0.0)
    package39015 (1.0.0)
    package39016 (1.0.0)
    package39017 (1.0.0)
    package39018 (1.0.0)
    package39019 (1.0.0)
    package39020 (1.0.0)
    package39021 (1.0.0)
    package39022 (1.0.0)
    package39023 (1.0.0)
    package39024 (1.0.0)
    package39025 (1.0.0)
    package39026 (1.0.0)
    package39027 (1.0.0)
    package39028 (1.0.0)
    package39029 (1.0.0)
    package39030 (1.0.0)
    package39031 (1.0.0)
    package39032 (1.0.0)
    package39033 (1.0.0)
    package39034 (1.0.0)
    package39035 (1.0.0)
    package39036 (1.0.0)
    package39037 (1.0.0)
    package39038 (1.0.0)
    package39039 (1.0.0)
    package39040 (1.0.0)
    package39041 (1.0.0)
    package39042 (1.0.0)
    package39043 (1.0.0)
    package39044 (1.0.0)
    package39045 (1.0.0)
    package39046 (1.0.0)
    package39047 (1.0.0)
    package39048 (1.0.0)
    package39049 (1.0.0)
    package39050 (1.0.0)
    package39051 (1.0.0)
    package39052 (1.0.0)
    package39053 (1.0.0)
    package39054 (1.0.0)
    package39055 (1.0.0)
    package39056 (1.0.0)
    package39057 (1.0.0)
    package39058 (1.0.0)
    package39059 (1.0.0)
    package39060 (1.0.0)
    package39061 (1.0.0)
    package39062 (1.0.0)
    package39063 (1.0.0)
    package39064 (1.0.0)
    package39065 (1.0.0)
    package39066 (1.0.0)
    package39067 (1.0.0)
    package39068 (1.0.0)
    package39069 (1.0.0)
    package39070 (1.0.0)
    package39071 (1.0.0)
    package39072 (1.0.0)
    package39073 (1.0.0)
    package39074 (1.0.0)
    package39075 (1.0.0)
    package39076 (1.0.0)
    package39077 (1.0.0)
    package39078 (1.0.0)
    package39079 (1.0.0)
    package39080 (1.0.0)
    package39081 (1.0.0)
    package39082 (1.0.0)
    package39083 (1.0.0)
    package39084 (1.0.0)
    package39085 (1.0.0)
    package39086 (1.0.0)
    package39087 (1.0.0)
    package39088 (1.0.0)
    package39089 (1.0.0)
    package39090 (1.0.0)
    package39091 (1.0.0)
    package39092 (1.0.0)
    package39093 (1.0.0)
    package39094 (1.0.0)
    package39095 (1.0.0)
    package39096 (1.0.0)
    package39097 (1.0.0)
    package39098 (1.0.0)
    package39099 (1.0.0)
    package39100 (1.0.0)
    package39101 (1.0.0)
    package39102 (1.0.0)
    package39103 (1.0.0)
    package39104 (1.0.0)
    package39105 (1.0.0)
    package39106 (1.0.0)
    package39107 (1.0.0)
    package39108 (1.0.0)
    package39109 (1.0.0)
    package39110 (1.0.0)
    package39111 (1.0.0)
    package39112 (1.0.0)
    package39113 (1.0.0)
    package39114 (1.0.0)
    package39115 (1.0.0)
    package39116 (1.0.0)
    package39117 (1.0.0)
    package39118 (1.0.0)
    package39119 (1.0.0)
    package39120 (1.0.0)
    package39121 (1.0.0)
    package39122 (1.0.0)
    package39123 (1.0.0)
    package39124 (1.0.0)
    package39125 (1.0.0)
    package39126 (1.0.0)
    package39127 (1.0.0)
    package39128 (1.0.0)
    package39129 (1.0.0)
    package39130 (1.0.0)
    package39131 (1.0.0)
    package39132 (1.0.0)
    package39133 (1.0.0)
    package39134 (1.0.0)
    package39135 (1.0.0)
    package39136 (1.0.0)
    package39137 (1.0.0)
    package39138 (1.0.0)
    package39139 (1.0.0)
    package39140 (1.0.0)
    package39141 (1.0.0)
    package39142 (1.0.0)
    package39143 (1.0.0)
    package39144 (1.0.0)
    package39145 (1.0.0)
    package39146 (1.0.0)
    package39147 (1.0.0)
    package39148 (1.0.0)
    package39149 (1.0.0)
    package39150 (1.0.0)
    package39151 (1.0.0)
    package39152 (1.0.0)
    package39153 (1.0.0)
    package39154 (1.0.0)
    package39155 (1.0.0)
    package39156 (1.0.0)
    package39157 (1.0.0)
    package39158 (1.0.0)
    package39159 (1.0.0)
    package39160 (1.0.0)
    package39161 (1.0.0)
    package39162 (1.0.0)
    package39163 (1.0.0)
    package39164 (1.0.0)
    package39165 (1.0.0)
    package39166 (1.0.0)
    package39167 (1.0.0)
    package39168 (1.0.0)
    package39169 (1.0.0)
    package39170 (1.0.0)
    package39171 (1.0.0)
    package39172 (1.0.0)
    package39173 (1.0.0)
    package39174 (1.0.0)
    package39175 (1.0.0)
    package39176 (1.0.0)
    package39177 (1.0.0)
    package39178 (1.0.0)
    package39179 (1.0.0)
    package39180 (1.0.0)
    package39181 (1.0.0)
    package39182 (1.0.0)
    package39183 (1.0.0)
    package39184 (1.0.0)
    package39185 (1.0.0)
    package39186 (1.0.0)
    package39187 (1.0.0)
    package39188 (1.0.0)
    package39189 (1.0.0)
    package39190 (1.0.0)
    package39191 (1.0.0)
    package39192 (1.0.0)
    package39193 (1.0.0)
    package39194 (1.0.0)
    package39195 (1.0.0)
    package39196 (1.0.0)
    package39197 (1.0.0)
    package39198 (1.0.0)
    package39199 (1.0.0)
    package39200 (1.0.0)
    package39201 (1.0.0)
    package39202 (1.0.0)
    package39203 (1.0.0)
    package39204 (1.0.0)
    package39205 (1.0.0)
    package39206 (1.0.0)
    package39207 (1.0.0)
    package39208 (1.0.0)
    package39209 (1.0.0)
    package39210 (1.0.0)
    package39211 (1.0.0)
    package39212 (1.0.0)
    package39213 (1.0.0)
    package39214 (1.0.0)
    package39215 (1.0.0)
    package39216 (1.0.0)
    package39217 (1.0.0)
    package39218 (1.0.0)
    package39219 (1.0.0)
    package39220 (1.0.0)
    package39221 (1.0.0)
    package39222 (1.0.0)
    package39223 (1.0.0)
    package39224 (1.0.0)
    package39225 (1.0.0)
    package39226 (1.0.0)
    package39227 (1.0.0)
    package39228 (1.0.0)
    package39229 (1.0.0)
    package39230 (1.0.0)
    package39231 (1.0.0)
    package39232 (1.0.0)
    package39233 (1.0.0)
    package39234 (1.0.0)
    package39235 (1.0.0)
    package39236 (1.0.0)
    package39237 (1.0.0)
    package39238 (1.0.0)
    package39239 (1.0.0)
    package39240 (1.0.0)
    package39241 (1.0.0)
    package39242 (1.0.0)
    package39243 (1.0.0)
    package39244 (1.0.0)
    package39245 (1.0.0)
    package39246 (1.0.0)
    package39247 (1.0.0)
    package39248 (1.0.0)
    package39249 (1.0.0)
    package39250 (1.0.0)
    package39251 (1.0.0)
    package39252 (1.0.0)
    package39253 (1.0.0)
    package39254 (1.0.0)
    package39255 (1.0.0)
    package39256 (1.0.0)
    package39257 (1.0.0)
    package39258 (1.0.0)
    package39259 (1.0.0)
    package39260 (1.0.0)
    package39261 (1.0.0)
    package39262 (1.0.0)
    package39263 (1.0.0)
    package39264 (1.0.0)
    package39265 (1.0.0)
    package39266 (1.0.0)
    package39267 (1.0.0)
    package39268 (1.0.0)
    package39269 (1.0.0)
    package39270 (1.0.0)
    package39271 (1.0.0)
    package39272 (1.0.0)
    package39273 (1.0.0)
    package39274 (1.0.0)
    package39275 (1.0.0)
    package39276 (1.0.0)
    package39277 (1.0.0)
    package39278 (1.0.0)
    package39279 (1.0.0)
    package39280 (1.0.0)
    package39281 (1.0.0)
    package39282 (1.0.0)
    package39283 (1.0.0)
    package39284 (1.0.0)
    package39285 (1.0.0)
    package39286 (1.0.0)
    package39287 (1.0.0)
    package39288 (1.0.0)
    package39289 (1.0.0)
    package39290 (1.0.0)
    package39291 (1.0.0)
    package39292 (1.0.0)
    package39293 (1.0.0)
    package39294 (1.0.0)
    package39295 (1.0.0)
    package39296 (1.0.0)
    package39297 (1.0.0)
    package39298 (1.0.0)
    package39299 (1.0.0)
    package39300 (1.0.0)
    package39301 (1.0.0)
    package39302 (1.0.0)
    package39303 (1.0.0)
    package39304 (1.0.0)
    package39305 (1.0.0)
    package39306 (1.0.0)
    package39307 (1.0.0)
    package39308 (1.0.0)
    package39309 (1.0.0)
    package39310 (1.0.0)
    package39311 (1.0.0)
    package39312 (1.0.0)
    package39313 (1.0.0)
    package39314 (1.0.0)
    package39315 (1.0.0)
    package39316 (1.0.0)
    package39317 (1.0.0)
    package39318 (1.0.0)
    package39319 (1.0.0)
    package39320 (1.0.0)
    package39321 (1.0.0)
    package39322 (1.0.0)
    package39323 (1.0.0)
    package39324 (1.0.0)
    package39325 (1.0.0)
    package39326 (1.0.0)
    package39327 (1.0.0)
    package39328 (1.0.0)
    package39329 (1.0.0)
    package39330 (1.0.0)
    package39331 (1.0.0)
    package39332 (1.0.0)
    package39333 (1.0.0)
    package39334 (1.0.0)
    package39335 (1.0.0)
    package39336 (1.0.0)
    package39337 (1.0.0)
    package39338 (1.0.0)
    package39339 (1.0.0)
    package39340 (1.0.0)
    package39341 (1.0.0)
    package39342 (1.0.0)
    package39343 (1.0.0)
    package39344 (1.0.0)
    package39345 (1.0.0)
    package39346 (1.0.0)
    package39347 (1.0.0)
    package39348 (1.0.0)
    package39349 (1.0.0)
    package39350 (1.0.0)
    package39351 (1.0.0)
    package39352 (1.0.0)
    package39353 (1.0.0)
    package39354 (1.0.0)
    package39355 (1.0.0)
    package39356 (1.0.0)
    package39357 (1.0.0)
    package39358 (1.0.0)
    package39359 (1.0.0)
    package39360 (1.0.0)
    package39361 (1.0.0)
    package39362 (1.0.0)
    package39363 (1.0.0)
    package39364 (1.0.0)
    package39365 (1.0.0)
    package39366 (1.0.0)
    package39367 (1.0.0)
    package39368 (1.0.0)
    package39369 (1.0.0)
    package39370 (1.0.0)
    package39371 (1.0.0)
    package39372 (1.0.0)
    package39373 (1.0.0)
    package39374 (1.0.0)
    package39375 (1.0.0)
    package39376 (1.0.0)
    package39377 (1.0.0)
    package39378 (1.0.0)
    package39379 (1.0.0)
    package39380 (1.0.0)
    package39381 (1.0.0)
    package39382 (1.0.0)
    package39383 (1.0.0)
    package39384 (1.0.0)
    package39385 (1.0.0)
    package39386 (1.0.0)
    package39387 (1.0.0)
    package39388 (1.0.0)
    package39389 (1.0.0)
    package39390 (1.0.0)
    package39391 (1.0.0)
    package39392 (1.0.0)
    package39393 (1.0.0)
    package39394 (1.0.0)
    package39395 (1.0.0)
    package39396 (1.0.0)
    package39397 (1.0.0)
    package39398 (1.0.0)
    package39399 (1.0.0)
    package39400 (1.0.0)
    package39401 (1.0.0)
    package39402 (1.0.0)
    package39403 (1.0.0)
    package39404 (1.0.0)
    package39405 (1.0.0)
    package39406 (1.0.0)
    package39407 (1.0.0)
    package39408 (1.0.0)
    package39409 (1.0.0)
    package39410 (1.0.0)
    package39411 (1.0.0)
    package39412 (1.0.0)
    package39413 (1.0.0)
    package39414 (1.0.0)
    package39415 (1.0.0)
    package39416 (1.0.0)
    package39417 (1.0.0)
    package39418 (1.0.0)
    package39419 (1.0.0)
    package39420 (1.0.0)
    package39421 (1.0.0)
    package39422 (1.0.0)
    package39423 (1.0.0)
    package39424 (1.0.0)
    package39425 (1.0.0)
    package39426 (1.0.0)
    package39427 (1.0.0)
    package39428 (1.0.0)
    package39429 (1.0.0)
    package39430 (1.0.0)
    package39431 (1.0.0)
    package39432 (1.0.0)
    package39433 (1.0.0)
    package39434 (1.0.0)
    package39435 (1.0.0)
    package39436 (1.0.0)
    package39437 (1.0.0)
    package39438 (1.0.0)
    package39439 (1.0.0)
    package39440 (1.0.0)
    package39441 (1.0.0)
    package39442 (1.0.0)
    package39443 (1.0.0)
    package39444 (1.0.0)
    package39445 (1.0.0)
    package39446 (1.0.0)
    package39447 (1.0.0)
    package39448 (1.0.0)
    package39449 (1.0.0)
    package39450 (1.0.0)
    package39451 (1.0.0)
    package39452 (1.0.0)
    package39453 (1.0.0)
    package39454 (1.0.0)
    package39455 (1.0.0)
    package39456 (1.0.0)
    package39457 (1.0.0)
    package39458 (1.0.0)
    package39459 (1.0.0)
    package39460 (1.0.0)
    package39461 (1.0.0)
    package39462 (1.0.0)
    package39463 (1.0.0)
    package39464 (1.0.0)
    package39465 (1.0.0)
    package39466 (1.0.0)
    package39467 (1.0.0)
    package39468 (1.0.0)
    package39469 (1.0.0)
    package39470 (1.0.0)
    package39471 (1.0.0)
    package39472 (1.0.0)
    package39473 (1.0.0)
    package39474 (1.0.0)
    package39475 (1.0.0)
    package39476 (1.0.0)
    package39477 (1.0.0)
    package39478 (1.0.0)
    package39479 (1.0.0)
    package39480 (1.0.0)
    package39481 (1.0.0)
    package39482 (1.0.0)
    package39483 (1.0.0)
    package39484 (1.0.0)
    package39485 (1.0.0)
    package39486 (1.0.0)
    package39487 (1.0.0)
    package39488 (1.0.0)
    package39489 (1.0.0)
    package39490 (1.0.0)
    package39491 (1.0.0)
    package39492 (1.0.0)
    package39493 (1.0.0)
    package39494 (1.0.0)
    package39495 (1.0.0)
    package39496 (1.0.0)
    package39497 (1.0.0)
    package39498 (1.0.0)
    package39499 (1.0.0)
    package39500 (1.0.0)
    package39501 (1.0.0)
    package39502 (1.0.0)
    package39503 (1.0.0)
    package39504 (1.0.0)
    package39505 (1.0.0)
    package39506 (1.0.0)
    package39507 (1.0.0)
    package39508 (1.0.0)
    package39509 (1.0.0)
    package39510 (1.0.0)
    package39511 (1.0.0)
    package39512 (1.0.0)
    package39513 (1.0.0)
    package39514 (1.0.0)
    package39515 (1.0.0)
    package39516 (1.0.0)
    package39517 (1.0.0)
    package39518 (1.0.0)
    package39519 (1.0.0)
    package39520 (1.0.0)
    package39521 (1.0.0)
    package39522 (1.0.0)
    package39523 (1.0.0)
    package39524 (1.0.0)
    package39525 (1.0.0)
    package39526 (1.0.0)
    package39527 (1.0.0)
    package39528 (1.0.0)
    package39529 (1.0.0)
    package39530 (1.0.0)
    package39531 (1.0.0)
    package39532 (1.0.0)
    package39533 (1.0.0)
    package39534 (1.0.0)
    package39535 (1.0.0)
    package39536 (1.0.0)
    package39537 (1.0.0)
    package39538 (1.0.0)
    package39539 (1.0.0)
    package39540 (1.0.0)
    package39541 (1.0.0)
    package39542 (1.0.0)
    package39543 (1.0.0)
    package39544 (1.0.0)
    package39545 (1.0.0)
    package39546 (1.0.0)
    package39547 (1.0.0)
    package39548 (1.0.0)
    package39549 (1.0.0)
    package39550 (1.0.0)
    package39551 (1.0.0)
    package39552 (1.0.0)
    package39553 (1.0.0)
    package39554 (1.0.0)
    package39555 (1.0.0)
    package39556 (1.0.0)
    package39557 (1.0.0)
    package39558 (1.0.0)
    package39559 (1.0.0)
    package39560 (1.0.0)
    package39561 (1.0.0)
    package39562 (1.0.0)
    package39563 (1.0.0)
    package39564 (1.0.0)
    package39565 (1.0.0)
    package39566 (1.0.0)
    package39567 (1.0.0)
    package39568 (1.0.0)
    package39569 (1.0.0)
    package39570 (1.0.0)
    package39571 (1.0.0)
    package39572 (1.0.0)
    package39573 (1.0.0)
    package39574 (1.0.0)
    package39575 (1.0.0)
    package39576 (1.0.0)
    package39577 (1.0.0)
    package39578 (1.0.0)
    package39579 (1.0.0)
    package39580 (1.0.0)
    package39581 (1.0.0)
    package39582 (1.0.0)
    package39583 (1.0.0)
    package39584 (1.0.0)
    package39585 (1.0.0)
    package39586 (1.0.0)
    package39587 (1.0.0)
    package39588 (1.0.0)
    package39589 (1.0.0)
    package39590 (1.0.0)
    package39591 (1.0.0)
    package39592 (1.0.0)
    package39593 (1.0.0)
    package39594 (1.0.0)
    package39595 (1.0.0)
    package39596 (1.0.0)
    package39597 (1.0.0)
    package39598 (1.0.0)
    package39599 (1.0.0)
    package39600 (1.0.0)
    package39601 (1.0.0)
    package39602 (1.0.0)
    package39603 (1.0.0)
    package39604 (1.0.0)
    package39605 (1.0.0)
    package39606 (1.0.0)
    package39607 (1.0.0)
    package39608 (1.0.0)
    package39609 (1.0.0)
    package39610 (1.0.0)
    package39611 (1.0.0)
    package39612 (1.0.0)
    package39613 (1.0.0)
    package39614 (1.0.0)
    package39615 (1.0.0)
    package39616 (1.0.0)
    package39617 (1.0.0)
    package39618 (1.0.0)
    package39619 (1.0.0)
    package39620 (1.0.0)
    package39621 (1.0.0)
    package39622 (1.0.0)
    package39623 (1.0.0)
    package39624 (1.0.0)
    package39625 (1.0.0)
    package39626 (1.0.0)
    package39627 (1.0.0)
    package39628 (1.0.0)
    package39629 (1.0.0)
    package39630 (1.0.0)
    package39631 (1.0.0)
    package39632 (1.0.0)
    package39633 (1.0.0)
    package39634 (1.0.0)
    package39635 (1.0.0)
    package39636 (1.0.0)
    package39637 (1.0.0)
    package39638 (1.0.0)
    package39639 (1.0.0)
    package39640 (1.0.0)
    package39641 (1.0.0)
    package39642 (1.0.0)
    package39643 (1.0.0)
    package39644 (1.0.0)
    package39645 (1.0.0)
    package39646 (1.0.0)
    package39647 (1.0.0)
    package39648 (1.0.0)
    package39649 (1.0.0)
    package39650 (1.0.0)
    package39651 (1.0.0)
    package39652 (1.0.0)
    package39653 (1.0.0)
    package39654 (1.0.0)
    package39655 (1.0.0)
    package39656 (1.0.0)
    package39657 (1.0.0)
    package39658 (1.0.0)
    package39659 (1.0.0)
    package39660 (1.0.0)
    package39661 (1.0.0)
    package39662 (1.0.0)
    package39663 (1.0.0)
    package39664 (1.0.0)
    package39665 (1.0.0)
    package39666 (1.0.0)
    package39667 (1.0.0)
    package39668 (1.0.0)
    package39669 (1.0.0)
    package39670 (1.0.0)
    package39671 (1.0.0)
    package39672 (1.0.0)
    package39673 (1.0.0)
    package39674 (1.0.0)
    package39675 (1.0.0)
    package39676 (1.0.0)
    package39677 (1.0.0)
    package39678 (1.0.0)
    package39679 (1.0.0)
    package39680 (1.0.0)
    package39681 (1.0.0)
    package39682 (1.0.0)
    package39683 (1.0.0)
    package39684 (1.0.0)
    package39685 (1.0.0)
    package39686 (1.0.0)
    package39687 (1.0.0)
    package39688 (1.0.0)
    package39689 (1.0.0)
    package39690 (1.0.0)
    package39691 (1.0.0)
    package39692 (1.0.0)
    package39693 (1.0.0)
    package39694 (1.0.0)
    package39695 (1.0.0)
    package39696 (1.0.0)
    package39697 (1.0.0)
    package39698 (1.0.0)
    package39699 (1.0.0)
    package39700 (1.0.0)
    package39701 (1.0.0)
    package39702 (1.0.0)
    package39703 (1.0.0)
    package39704 (1.0.0)
    package39705 (1.0.0)
    package39706 (1.0.0)
    package39707 (1.0.0)
    package39708 (1.0.0)
    package39709 (1.0.0)
    package39710 (1.0.0)
    package39711 (1.0.0)
    package39712 (1.0.0)
    package39713 (1.0.0)
    package39714 (1.0.0)
    package39715 (1.0.0)
    package39716 (1.0.0)
    package39717 (1.0.0)
    package39718 (1.0.0)
    package39719 (1.0.0)
    package39720 (1.0.0)
    package39721 (1.0.0)
    package39722 (1.0.0)
    package39723 (1.0.0)
    package39724 (1.0.0)
    package39725 (1.0.0)
    package39726 (1.0.0)
    package39727 (1.0.0)
    package39728 (1.0.0)
    package39729 (1.0.0)
    package39730 (1.0.0)
    package39731 (1.0.0)
    package39732 (1.0.0)
    package39733 (1.0.0)
    package39734 (1.0.0)
    package39735 (1.0.0)
    package39736 (1.0.0)
    package39737 (1.0.0)
    package39738 (1.0.0)
    package39739 (1.0.0)
    package39740 (1.0.0)
    package39741 (1.0.0)
    package39742 (1.0.0)
    package39743 (1.0.0)
    package39744 (1.0.0)
    package39745 (1.0.0)
    package39746 (1.0.0)
    package39747 (1.0.0)
    package39748 (1.0.0)
    package39749 (1.0.0)
    package39750 (1.0.0)
    package39751 (1.0.0)
    package39752 (1.0.0)
    package39753 (1.0.0)
    package39754 (1.0.0)
    package39755 (1.0.0)
    package39756 (1.0.0)
    package39757 (1.0.0)
    package39758 (1.0.0)
    package39759 (1.0.0)
    package39760 (1.0.0)
    package39761 (1.0.0)
    package39762 (1.0.0)
    package39763 (1.0.0)
    package39764 (1.0.0)
    package39765 (1.0.0)
    package39766 (1.0.0)
    package39767 (1.0.0)
    package39768 (1.0.0)
    package39769 (1.0.0)
    package39770 (1.0.0)
    package39771 (1.0.0)
    package39772 (1.0.0)
    package39773 (1.0.0)
    package39774 (1.0.0)
    package39775 (1.0.0)
    package39776 (1.0.0)
    package39777 (1.0.0)
    package39778 (1.0.0)
    package39779 (1.0.0)
    package39780 (1.0.0)
    package39781 (1.0.0)
    package39782 (1.0.0)
    package39783 (1.0.0)
    package39784 (1.0.0)
    package39785 (1.0.0)
    package39786 (1.0.0)
    package39787 (1.0.0)
    package39788 (1.0.0)
    package39789 (1.0.0)
    package39790 (1.0.0)
    package39791 (1.0.0)
    package39792 (1.0.0)
    package39793 (1.0.0)
    package39794 (1.0.0)
    package39795 (1.0.0)
    package39796 (1.0.0)
    package39797 (1.0.0)
    package39798 (1.0.0)
    package39799 (1.0.0)
    package39800 (1.0.0)
    package39801 (1.0.0)
    package39802 (1.0.0)
    package39803 (1.0.0)
    package39804 (1.0.0)
    package39805 (1.0.0)
    package39806 (1.0.0)
    package39807 (1.0.0)
    package39808 (1.0.0)
    package39809 (1.0.0)
    package39810 (1.0.0)
    package39811 (1.0.0)
    package39812 (1.0.0)
    package39813 (1.0.0)
    package39814 (1.0.0)
    package39815 (1.0.0)
    package39816 (1.0.0)
    package39817 (1.0.0)
    package39818 (1.0.0)
    package39819 (1.0.0)
    package39820 (1.0.0)
    package39821 (1.0.0)
    package39822 (1.0.0)
    package39823 (1.0.0)
    package39824 (1.0.0)
    package39825 (1.0.0)
    package39826 (1.0.0)
    package39827 (1.0.0)
    package39828 (1.0.0)
    package39829 (1.0.0)
    package39830 (1.0.0)
    package39831 (1.0.0)
    package39832 (1.0.0)
    package39833 (1.0.0)
    package39834 (1.0.0)
    package39835 (1.0.0)
    package39836 (1.0.0)
    package39837 (1.0.0)
    package39838 (1.0.0)
    package39839 (1.0.0)
    package39840 (1.0.0)
    package39841 (1.0.0)
    package39842 (1.0.0)
    package39843 (1.0.0)
    package39844 (1.0.0)
    package39845 (1.0.0)
    package39846 (1.0.0)
    package39847 (1.0.0)
    package39848 (1.0.0)
    package39849 (1.0.0)
    package39850 (1.0.0)
    package39851 (1.0.0)
    package39852 (1.0.0)
    package39853 (1.0.0)
    package39854 (1.0.0)
    package39855 (1.0.0)
    package39856 (1.0.0)
    package39857 (1.0.0)
    package39858 (1.0.0)
    package39859 (1.0.0)
    package39860 (1.0.0)
    package39861 (1.0.0)
    package39862 (1.0.0)
    package39863 (1.0.0)
    package39864 (1.0.0)
    package39865 (1.0.0)
    package39866 (1.0.0)
    package39867 (1.0.0)
    package39868 (1.0.0)
    package39869 (1.0.0)
    package39870 (1.0.0)
    package39871 (1.0.0)
    package39872 (1.0.0)
    package39873 (1.0.0)
    package39874 (1.0.0)
    package39875 (1.0.0)
    package39876 (1.0.0)
    package39877 (1.0.0)
    package39878 (1.0.0)
    package39879 (1.0.0)
    package39880 (1.0.0)
    package39881 (1.0.0)
    package39882 (1.0.0)
    package39883 (1.0.0)
    package39884 (1.0.0)
    package39885 (1.0.0)
    package39886 (1.0.0)
    package39887 (1.0.0)
    package39888 (1.0.0)
    package39889 (1.0.0)
    package39890 (1.0.0)
    package39891 (1.0.0)
    package39892 (1.0.0)
    package39893 (1.0.0)
    package39894 (1.0.0)
    package39895 (1.0.0)
    package39896 (1.0.0)
    package39897 (1.0.0)
    package39898 (1.0.0)
    package39899 (1.0.0)
    package39900 (1.0.0)
    package39901 (1.0.0)
    package39902 (1.0.0)
    package39903 (1.0.0)
    package39904 (1.0.0)
    package39905 (1.0.0)
    package39906 (1.0.0)
    package39907 (1.0.0)
    package39908 (1.0.0)
    package39909 (1.0.0)
    package39910 (1.0.0)
    package39911 (1.0.0)
    package39912 (1.0.0)
    package39913 (1.0.0)
    package39914 (1.0.0)
    package39915 (1.0.0)
    package39916 (1.0.0)
    package39917 (1.0.0)
    package39918 (1.0.0)
    package39919 (1.0.0)
    package39920 (1.0.0)
    package39921 (1.0.0)
    package39922 (1.0.0)
    package39923 (1.0.0)
    package39924 (1.0.0)
    package39925 (1.0.0)
    package39926 (1.0.0)
    package39927 (1.0.0)
    package39928 (1.0.0)
    package39929 (1.0.0)
    package39930 (1.0.0)
    package39931 (1.0.0)
    package39932 (1.0.0)
    package39933 (1.0.0)
    package39934 (1.0.0)
    package39935 (1.0.0)
    package39936 (1.0.0)
    package39937 (1.0.0)
    package39938 (1.0.0)
    package39939 (1.0.0)
    package39940 (1.0.0)
    package39941 (1.0.0)
    package39942 (1.0.0)
    package39943 (1.0.0)
    package39944 (1.0.0)
    package39945 (1.0.0)
    package39946 (1.0.0)
    package39947 (1.0.0)
    package39948 (1.0.0)
    package39949 (1.0.0)
    package39950 (1.0.0)
    package39951 (1.0.0)
    package39952 (1.0.0)
    package39953 (1.0.0)
    package39954 (1.0.0)
    package39955 (1.0.0)
    package39956 (1.0.0)
    package39957 (1.0.0)
    package39958 (1.0.0)
    package39959 (1.0.0)
    package39960 (1.0.0)
    package39961 (1.0.0)
    package39962 (1.0.0)
    package39963 (1.0.0)
    package39964 (1.0.0)
    package39965 (1.0.0)
    package39966 (1.0.0)
    package39967 (1.0.0)
    package39968 (1.0.0)
    package39969 (1.0.0)
    package39970 (1.0.0)
    package39971 (1.0.0)
    package39972 (1.0.0)
    package39973 (1.0.0)
    package39974 (1.0.0)
    package39975 (1.0.0)
    package39976 (1.0.0)
    package39977 (1.0.0)
    package39978 (1.0.0)
    package39979 (1.0.0)
    package39980 (1.0.0)
    package39981 (1.0.0)
    package39982 (1.0.0)
    package39983 (1.0.0)
    package39984 (1.0.0)
    package39985 (1.0.0)
    package39986 (1.0.0)
    package39987 (1.0.0)
    package39988 (1.0.0)
    package39989 (1.0.0)
    package39990 (1.0.0)
    package39991 (1.0.0)
    package39992 (1.0.0)
    package39993 (1.0.0)
    package39994 (1.0.0)
    package39995 (1.0.0)
    package39996 (1.0.0)
    package39997 (1.0.0)
    package39998 (1.0.0)
    package39999 (1.0.0)
    package40000 (1.0.0)
    package40001 (1.0.0)
    package40002 (1.0.0)
    package40003 (1.0.0)
    package40004 (1.0.0)
    package40005 (1.0.0)
    package40006 (1.0.0)
    package40007 (1.0.0)
    package40008 (1.0.0)
    package40009 (1.0.0)
    package40010 (1.0.0)
    package40011 (1.0.0)
    package40012 (1.0.0)
    package40013 (1.0.0)
    package40014 (1.0.0)
    package40015 (1.0.0)
    package40016 (1.0.0)
    package40017 (1.0.0)
    package40018 (1.0.0)
    package40019 (1.0.0)
    package40020 (1.0.0)
    package40021 (1.0.0)
    package40022 (1.0.0)
    package40023 (1.0.0)
    package40024 (1.0.0)
    package40025 (1.0.0)
    package40026 (1.0.0)
    package40027 (1.0.0)
    package40028 (1.0.0)
    package40029 (1.0.0)
    package40030 (1.0.0)
    package40031 (1.0.0)
    package40032 (1.0.0)
    package40033 (1.0.0)
    package40034 (1.0.0)
    package40035 (1.0.0)
    package40036 (1.0.0)
    package40037 (1.0.0)
    package40038 (1.0.0)
    package40039 (1.0.0)
    package40040 (1.0.0)
    package40041 (1.0.0)
    package40042 (1.0.0)
    package40043 (1.0.0)
    package40044 (1.0.0)
    package40045 (1.0.0)
    package40046 (1.0.0)
    package40047 (1.0.0)
    package40048 (1.0.0)
    package40049 (1.0.0)
    package40050 (1.0.0)
    package40051 (1.0.0)
    package40052 (1.0.0)
    package40053 (1.0.0)
    package40054 (1.0.0)
    package40055 (1.0.0)
    package40056 (1.0.0)
    package40057 (1.0.0)
    package40058 (1.0.0)
    package40059 (1.0.0)
    package40060 (1.0.0)
    package40061 (1.0.0)
    package40062 (1.0.0)
    package40063 (1.0.0)
    package40064 (1.0.0)
    package40065 (1.0.0)
    package40066 (1.0.0)
    package40067 (1.0.0)
    package40068 (1.0.0)
    package40069 (1.0.0)
    package40070 (1.0.0)
    package40071 (1.0.0)
    package40072 (1.0.0)
    package40073 (1.0.0)
    package40074 (1.0.0)
    package40075 (1.0.0)
    package40076 (1.0.0)
    package40077 (1.0.0)
    package40078 (1.0.0)
    package40079 (1.0.0)
    package40080 (1.0.0)
    package40081 (1.0.0)
    package40082 (1.0.0)
    package40083 (1.0.0)
    package40084 (1.0.0)
    package40085 (1.0.0)
    package40086 (1.0.0)
    package40087 (1.0.0)
    package40088 (1.0.0)
    package40089 (1.0.0)
    package40090 (1.0.0)
    package40091 (1.0.0)
    package40092 (1.0.0)
    package40093 (1.0.0)
    package40094 (1.0.0)
    package40095 (1.0.0)
    package40096 (1.0.0)
    package40097 (1.0.0)
    package40098 (1.0.0)
    package40099 (1.0.0)
    package40100 (1.0.0)
    package40101 (1.0.0)
    package40102 (1.0.0)
    package40103 (1.0.0)
    package40104 (1.0.0)
    package40105 (1.0.0)
    package40106 (1.0.0)
    package40107 (1.0.0)
    package40108 (1.0.0)
    package40109 (1.0.0)
    package40110 (1.0.0)
    package40111 (1.0.0)
    package40112 (1.0.0)
    package40113 (1.0.0)
    package40114 (1.0.0)
    package40115 (1.0.0)
    package40116 (1.0.0)
    package40117 (1.0.0)
    package40118 (1.0.0)
    package40119 (1.0.0)
    package40120 (1.0.0)
    package40121 (1.0.0)
    package40122 (1.0.0)
    package40123 (1.0.0)
    package40124 (1.0.0)
    package40125 (1.0.0)
    package40126 (1.0.0)
    package40127 (1.0.0)
    package40128 (1.0.0)
    package40129 (1.0.0)
    package40130 (1.0.0)
    package40131 (1.0.0)
    package40132 (1.0.0)
    package40133 (1.0.0)
    package40134 (1.0.0)
    package40135 (1.0.0)
    package40136 (1.0.0)
    package40137 (1.0.0)
    package40138 (1.0.0)
    package40139 (1.0.0)
    package40140 (1.0.0)
    package40141 (1.0.0)
    package40142 (1.0.0)
    package40143 (1.0.0)
    package40144 (1.0.0)
    package40145 (1.0.0)
    package40146 (1.0.0)
    package40147 (1.0.0)
    package40148 (1.0.0)
    package40149 (1.0.0)
    package40150 (1.0.0)
    package40151 (1.0.0)
    package40152 (1.0.0)
    package40153 (1.0.0)
    package40154 (1.0.0)
    package40155 (1.0.0)
    package40156 (1.0.0)
    package40157 (1.0.0)
    package40158 (1.0.0)
    package40159 (1.0.0)
    package40160 (1.0.0)
    package40161 (1.0.0)
    package40162 (1.0.0)
    package40163 (1.0.0)
    package40164 (1.0.0)
    package40165 (1.0.0)
    package40166 (1.0.0)
    package40167 (1.0.0)
    package40168 (1.0.0)
    package40169 (1.0.0)
    package40170 (1.0.0)
    package40171 (1.0.0)
    package40172 (1.0.0)
    package40173 (1.0.0)
    package40174 (1.0.0)
    package40175 (1.0.0)
    package40176 (1.0.0)
    package40177 (1.0.0)
    package40178 (1.0.0)
    package40179 (1.0.0)
    package40180 (1.0.0)
    package40181 (1.0.0)
    package40182 (1.0.0)
    package40183 (1.0.0)
    package40184 (1.0.0)
    package40185 (1.0.0)
    package40186 (1.0.0)
    package40187 (1.0.0)
    package40188 (1.0.0)
    package40189 (1.0.0)
    package40190 (1.0.0)
    package40191 (1.0.0)
    package40192 (1.0.0)
    package40193 (1.0.0)
    package40194 (1.0.0)
    package40195 (1.0.0)
    package40196 (1.0.0)
    package40197 (1.0.0)
    package40198 (1.0.0)
    package40199 (1.0.0)
    package40200 (1.0.0)
    package40201 (1.0.0)
    package40202 (1.0.0)
    package40203 (1.0.0)
    package40204 (1.0.0)
    package40205 (1.0.0)
    package40206 (1.0.0)
    package40207 (1.0.0)
    package40208 (1.0.0)
    package40209 (1.0.0)
    package40210 (1.0.0)
    package40211 (1.0.0)
    package40212 (1.0.0)
    package40213 (1.0.0)
    package40214 (1.0.0)
    package40215 (1.0.0)
    package40216 (1.0.0)
    package40217 (1.0.0)
    package40218 (1.0.0)
    package40219 (1.0.0)
    package40220 (1.0.0)
    package40221 (1.0.0)
    package40222 (1.0.0)
    package40223 (1.0.0)
    package40224 (1.0.0)
    package40225 (1.0.0)
    package40226 (1.0.0)
    package40227 (1.0.0)
    package40228 (1.0.0)
    package40229 (1.0.0)
    package40230 (1.0.0)
    package40231 (1.0.0)
    package40232 (1.0.0)
    package40233 (1.0.0)
    package40234 (1.0.0)
    package40235 (1.0.0)
    package40236 (1.0.0)
    package40237 (1.0.0)
    package40238 (1.0.0)
    package40239 (1.0.0)
    package40240 (1.0.0)
    package40241 (1.0.0)
    package40242 (1.0.0)
    package40243 (1.0.0)
    package40244 (1.0.0)
    package40245 (1.0.0)
    package40246 (1.0.0)
    package40247 (1.0.0)
    package40248 (1.0.0)
    package40249 (1.0.0)
    package40250 (1.0.0)
    package40251 (1.0.0)
    package40252 (1.0.0)
    package40253 (1.0.0)
    package40254 (1.0.0)
    package40255 (1.0.0)
    package40256 (1.0.0)
    package40257 (1.0.0)
    package40258 (1.0.0)
    package40259 (1.0.0)
    package40260 (1.0.0)
    package40261 (1.0.0)
    package40262 (1.0.0)
    package40263 (1.0.0)
    package40264 (1.0.0)
    package40265 (1.0.0)
    package40266 (1.0.0)
    package40267 (1.0.0)
    package40268 (1.0.0)
    package40269 (1.0.0)
    package40270 (1.0.0)
    package40271 (1.0.0)
    package40272 (1.0.0)
    package40273 (1.0.0)
    package40274 (1.0.0)
    package40275 (1.0.0)
    package40276 (1.0.0)
    package40277 (1.0.0)
    package40278 (1.0.0)
    package40279 (1.0.0)
    package40280 (1.0.0)
    package40281 (1.0.0)
    package40282 (1.0.0)
    package40283 (1.0.0)
    package40284 (1.0.0)
    package40285 (1.0.0)
    package40286 (1.0.0)
    package40287 (1.0.0)
    package40288 (1.0.0)
    package40289 (1.0.0)
    package40290 (1.0.0)
    package40291 (1.0.0)
    package40292 (1.0.0)
    package40293 (1.0.0)
    package40294 (1.0.0)
    package40295 (1.0.0)
    package40296 (1.0.0)
    package40297 (1.0.0)
    package40298 (1.0.0)
    package40299 (1.0.0)
    package40300 (1.0.0)
    package40301 (1.0.0)
    package40302 (1.0.0)
    package40303 (1.0.0)
    package40304 (1.0.0)
    package40305 (1.0.0)
    package40306 (1.0.0)
    package40307 (1.0.0)
    package40308 (1.0.0)
    package40309 (1.0.0)
    package40310 (1.0.0)
    package40311 (1.0.0)
    package40312 (1.0.0)
    package40313 (1.0.0)
    package40314 (1.0.0)
    package40315 (1.0.0)
    package40316 (1.0.0)
    package40317 (1.0.0)
    package40318 (1.0.0)
    package40319 (1.0.0)
    package40320 (1.0.0)
    package40321 (1.0.0)
    package40322 (1.0.0)
    package40323 (1.0.0)
    package40324 (1.0.0)
    package40325 (1.0.0)
    package40326 (1.0.0)
    package40327 (1.0.0)
    package40328 (1.0.0)
    package40329 (1.0.0)
    package40330 (1.0.0)
    package40331 (1.0.0)
    package40332 (1.0.0)
    package40333 (1.0.0)
    package40334 (1.0.0)
    package40335 (1.0.0)
    package40336 (1.0.0)
    package40337 (1.0.0)
    package40338 (1.0.0)
    package40339 (1.0.0)
    package40340 (1.0.0)
    package40341 (1.0.0)
    package40342 (1.0.0)
    package40343 (1.0.0)
    package40344 (1.0.0)
    package40345 (1.0.0)
    package40346 (1.0.0)
    package40347 (1.0.0)
    package40348 (1.0.0)
    package40349 (1.0.0)
    package40350 (1.0.0)
    package40351 (1.0.0)
    package40352 (1.0.0)
    package40353 (1.0.0)
    package40354 (1.0.0)
    package40355 (1.0.0)
    package40356 (1.0.0)
    package40357 (1.0.0)
    package40358 (1.0.0)
    package40359 (1.0.0)
    package40360 (1.0.0)
    package40361 (1.0.0)
    package40362 (1.0.0)
    package40363 (1.0.0)
    package40364 (1.0.0)
    package40365 (1.0.0)
    package40366 (1.0.0)
    package40367 (1.0.0)
    package40368 (1.0.0)
    package40369 (1.0.0)
    package40370 (1.0.0)
    package40371 (1.0.0)
    package40372 (1.0.0)
    package40373 (1.0.0)
    package40374 (1.0.0)
    package40375 (1.0.0)
    package40376 (1.0.0)
    package40377 (1.0.0)
    package40378 (1.0.0)
    package40379 (1.0.0)
    package40380 (1.0.0)
    package40381 (1.0.0)
    package40382 (1.0.0)
    package40383 (1.0.0)
    package40384 (1.0.0)
    package40385 (1.0.0)
    package40386 (1.0.0)
    package40387 (1.0.0)
    package40388 (1.0.0)
    package40389 (1.0.0)
    package40390 (1.0.0)
    package40391 (1.0.0)
    package40392 (1.0.0)
    package40393 (1.0.0)
    package40394 (1.0.0)
    package40395 (1.0.0)
    package40396 (1.0.0)
    package40397 (1.0.0)
    package40398 (1.0.0)
    package40399 (1.0.0)
    package40400 (1.0.0)
    package40401 (1.0.0)
    package40402 (1.0.0)
    package40403 (1.0.0)
    package40404 (1.0.0)
    package40405 (1.0.0)
    package40406 (1.0.0)
    package40407 (1.0.0)
    package40408 (1.0.0)
    package40409 (1.0.0)
    package40410 (1.0.0)
    package40411 (1.0.0)
    package40412 (1.0.0)
    package40413 (1.0.0)
    package40414 (1.0.0)
    package40415 (1.0.0)
    package40416 (1.0.0)
    package40417 (1.0.0)
    package40418 (1.0.0)
    package40419 (1.0.0)
    package40420 (1.0.0)
    package40421 (1.0.0)
    package40422 (1.0.0)
    package40423 (1.0.0)
    package40424 (1.0.0)
    package40425 (1.0.0)
    package40426 (1.0.0)
    package40427 (1.0.0)
    package40428 (1.0.0)
    package40429 (1.0.0)
    package40430 (1.0.0)
    package40431 (1.0.0)
    package40432 (1.0.0)
    package40433 (1.0.0)
    package40434 (1.0.0)
    package40435 (1.0.0)
    package40436 (1.0.0)
    package40437 (1.0.0)
    package40438 (1.0.0)
    package40439 (1.0.0)
    package40440 (1.0.0)
    package40441 (1.0.0)
    package40442 (1.0.0)
    package40443 (1.0.0)
    package40444 (1.0.0)
    package40445 (1.0.0)
    package40446 (1.0.0)
    package40447 (1.0.0)
    package40448 (1.0.0)
    package40449 (1.0.0)
    package40450 (1.0.0)
    package40451 (1.0.0)
    package40452 (1.0.0)
    package40453 (1.0.0)
    package40454 (1.0.0)
    package40455 (1.0.0)
    package40456 (1.0.0)
    package40457 (1.0.0)
    package40458 (1.0.0)
    package40459 (1.0.0)
    package40460 (1.0.0)
    package40461 (1.0.0)
    package40462 (1.0.0)
    package40463 (1.0.0)
    package40464 (1.0.0)
    package40465 (1.0.0)
    package40466 (1.0.0)
    package40467 (1.0.0)
    package40468 (1.0.0)
    package40469 (1.0.0)
    package40470 (1.0.0)
    package40471 (1.0.0)
    package40472 (1.0.0)
    package40473 (1.0.0)
    package40474 (1.0.0)
    package40475 (1.0.0)
    package40476 (1.0.0)
    package40477 (1.0.0)
    package40478 (1.0.0)
    package40479 (1.0.0)
    package40480 (1.0.0)
    package40481 (1.0.0)
    package40482 (1.0.0)
    package40483 (1.0.0)
    package40484 (1.0.0)
    package40485 (1.0.0)
    package40486 (1.0.0)
    package40487 (1.0.0)
    package40488 (1.0.0)
    package40489 (1.0.0)
    package40490 (1.0.0)
    package40491 (1.0.0)
    package40492 (1.0.0)
    package40493 (1.0.0)
    package40494 (1.0.0)
    package40495 (1.0.0)
    package40496 (1.0.0)
    package40497 (1.0.0)
    package40498 (1.0.0)
    package40499 (1.0.0)
    package40500 (1.0.0)
    package40501 (1.0.0)
    package40502 (1.0.0)
    package40503 (1.0.0)
    package40504 (1.0.0)
    package40505 (1.0.0)
    package40506 (1.0.0)
    package40507 (1.0.0)
    package40508 (1.0.0)
    package40509 (1.0.0)
    package40510 (1.0.0)
    package40511 (1.0.0)
    package40512 (1.0.0)
    package40513 (1.0.0)
    package40514 (1.0.0)
    package40515 (1.0.0)
    package40516 (1.0.0)
    package40517 (1.0.0)
    package40518 (1.0.0)
    package40519 (1.0.0)
    package40520 (1.0.0)
    package40521 (1.0.0)
    package40522 (1.0.0)
    package40523 (1.0.0)
    package40524 (1.0.0)
    package40525 (1.0.0)
    package40526 (1.0.0)
    package40527 (1.0.0)
    package40528 (1.0.0)
    package40529 (1.0.0)
    package40530 (1.0.0)
    package40531 (1.0.0)
    package40532 (1.0.0)
    package40533 (1.0.0)
    package40534 (1.0.0)
    package40535 (1.0.0)
    package40536 (1.0.0)
    package40537 (1.0.0)
    package40538 (1.0.0)
    package40539 (1.0.0)
    package40540 (1.0.0)
    package40541 (1.0.0)
    package40542 (1.0.0)
    package40543 (1.0.0)
    package40544 (1.0.0)
    package40545 (1.0.0)
    package40546 (1.0.0)
    package40547 (1.0.0)
    package40548 (1.0.0)
    package40549 (1.0.0)
    package40550 (1.0.0)
    package40551 (1.0.0)
    package40552 (1.0.0)
    package40553 (1.0.0)
    package40554 (1.0.0)
    package40555 (1.0.0)
    package40556 (1.0.0)
    package40557 (1.0.0)
    package40558 (1.0.0)
    package40559 (1.0.0)
    package40560 (1.0.0)
    package40561 (1.0.0)
    package40562 (1.0.0)
    package40563 (1.0.0)
    package40564 (1.0.0)
    package40565 (1.0.0)
    package40566 (1.0.0)
    package40567 (1.0.0)
    package40568 (1.0.0)
    package40569 (1.0.0)
    package40570 (1.0.0)
    package40571 (1.0.0)
    package40572 (1.0.0)
    package40573 (1.0.0)
    package40574 (1.0.0)
    package40575 (1.0.0)
    package40576 (1.0.0)
    package40577 (1.0.0)
    package40578 (1.0.0)
    package40579 (1.0.0)
    package40580 (1.0.0)
    package40581 (1.0.0)
    package40582 (1.0.0)
    package40583 (1.0.0)
    package40584 (1.0.0)
    package40585 (1.0.0)
    package40586 (1.0.0)
    package40587 (1.0.0)
    package40588 (1.0.0)
    package40589 (1.0.0)
    package40590 (1.0.0)
    package40591 (1.0.0)
    package40592 (1.0.0)
    package40593 (1.0.0)
    package40594 (1.0.0)
    package40595 (1.0.0)
    package40596 (1.0.0)
    package40597 (1.0.0)
    package40598 (1.0.0)
    package40599 (1.0.0)
    package40600 (1.0.0)
    package40601 (1.0.0)
    package40602 (1.0.0)
    package40603 (1.0.0)
    package40604 (1.0.0)
    package40605 (1.0.0)
    package40606 (1.0.0)
    package40607 (1.0.0)
    package40608 (1.0.0)
    package40609 (1.0.0)
    package40610 (1.0.0)
    package40611 (1.0.0)
    package40612 (1.0.0)
    package40613 (1.0.0)
    package40614 (1.0.0)
    package40615 (1.0.0)
    package40616 (1.0.0)
    package40617 (1.0.0)
    package40618 (1.0.0)
    package40619 (1.0.0)
    package40620 (1.0.0)
    package40621 (1.0.0)
    package40622 (1.0.0)
    package40623 (1.0.0)
    package40624 (1.0.0)
    package40625 (1.0.0)
    package40626 (1.0.0)
    package40627 (1.0.0)
    package40628 (1.0.0)
    package40629 (1.0.0)
    package40630 (1.0.0)
    package40631 (1.0.0)
    package40632 (1.0.0)
    package40633 (1.0.0)
    package40634 (1.0.0)
    package40635 (1.0.0)
    package40636 (1.0.0)
    package40637 (1.0.0)
    package40638 (1.0.0)
    package40639 (1.0.0)
    package40640 (1.0.0)
    package40641 (1.0.0)
    package40642 (1.0.0)
    package40643 (1.0.0)
    package40644 (1.0.0)
    package40645 (1.0.0)
    package40646 (1.0.0)
    package40647 (1.0.0)
    package40648 (1.0.0)
    package40649 (1.0.0)
    package40650 (1.0.0)
    package40651 (1.0.0)
    package40652 (1.0.0)
    package40653 (1.0.0)
    package40654 (1.0.0)
    package40655 (1.0.0)
    package40656 (1.0.0)
    package40657 (1.0.0)
    package40658 (1.0.0)
    package40659 (1.0.0)
    package40660 (1.0.0)
    package40661 (1.0.0)
    package40662 (1.0.0)
    package40663 (1.0.0)
    package40664 (1.0.0)
    package40665 (1.0.0)
    package40666 (1.0.0)
    package40667 (1.0.0)
    package40668 (1.0.0)
    package40669 (1.0.0)
    package40670 (1.0.0)
    package40671 (1.0.0)
    package40672 (1.0.0)
    package40673 (1.0.0)
    package40674 (1.0.0)
    package40675 (1.0.0)
    package40676 (1.0.0)
    package40677 (1.0.0)
    package40678 (1.0.0)
    package40679 (1.0.0)
    package40680 (1.0.0)
    package40681 (1.0.0)
    package40682 (1.0.0)
    package40683 (1.0.0)
    package40684 (1.0.0)
    package40685 (1.0.0)
    package40686 (1.0.0)
    package40687 (1.0.0)
    package40688 (1.0.0)
    package40689 (1.0.0)
    package40690 (1.0.0)
    package40691 (1.0.0)
    package40692 (1.0.0)
    package40693 (1.0.0)
    package40694 (1.0.0)
    package40695 (1.0.0)
    package40696 (1.0.0)
    package40697 (1.0.0)
    package40698 (1.0.0)
    package40699 (1.0.0)
    package40700 (1.0.0)
    package40701 (1.0.0)
    package40702 (1.0.0)
    package40703 (1.0.0)
    package40704 (1.0.0)
    package40705 (1.0.0)
    package40706 (1.0.0)
    package40707 (1.0.0)
    package40708 (1.0.0)
    package40709 (1.0.0)
    package40710 (1.0.0)
    package40711 (1.0.0)
    package40712 (1.0.0)
    package40713 (1.0.0)
    package40714 (1.0.0)
    package40715 (1.0.0)
    package40716 (1.0.0)
    package40717 (1.0.0)
    package40718 (1.0.0)
    package40719 (1.0.0)
    package40720 (1.0.0)
    package40721 (1.0.0)
    package40722 (1.0.0)
    package40723 (1.0.0)
    package40724 (1.0.0)
    package40725 (1.0.0)
    package40726 (1.0.0)
    package40727 (1.0.0)
    package40728 (1.0.0)
    package40729 (1.0.0)
    package40730 (1.0.0)
    package40731 (1.0.0)
    package40732 (1.0.0)
    package40733 (1.0.0)
    package40734 (1.0.0)
    package40735 (1.0.0)
    package40736 (1.0.0)
    package40737 (1.0.0)
    package40738 (1.0.0)
    package40739 (1.0.0)
    package40740 (1.0.0)
    package40741 (1.0.0)
    package40742 (1.0.0)
    package40743 (1.0.0)
    package40744 (1.0.0)
    package40745 (1.0.0)
    package40746 (1.0.0)
    package40747 (1.0.0)
    package40748 (1.0.0)
    package40749 (1.0.0)
    package40750 (1.0.0)
    package40751 (1.0.0)
    package40752 (1.0.0)
    package40753 (1.0.0)
    package40754 (1.0.0)
    package40755 (1.0.0)
    package40756 (1.0.0)
    package40757 (1.0.0)
    package40758 (1.0.0)
    package40759 (1.0.0)
    package40760 (1.0.0)
    package40761 (1.0.0)
    package40762 (1.0.0)
    package40763 (1.0.0)
    package40764 (1.0.0)
    package40765 (1.0.0)
    package40766 (1.0.0)
    package40767 (1.0.0)
    package40768 (1.0.0)
    package40769 (1.0.0)
    package40770 (1.0.0)
    package40771 (1.0.0)
    package40772 (1.0.0)
    package40773 (1.0.0)
    package40774 (1.0.0)
    package40775 (1.0.0)
    package40776 (1.0.0)
    package40777 (1.0.0)
    package40778 (1.0.0)
    package40779 (1.0.0)
    package40780 (1.0.0)
    package40781 (1.0.0)
    package40782 (1.0.0)
    package40783 (1.0.0)
    package40784 (1.0.0)
    package40785 (1.0.0)
    package40786 (1.0.0)
    package40787 (1.0.0)
    package40788 (1.0.0)
    package40789 (1.0.0)
    package40790 (1.0.0)
    package40791 (1.0.0)
    package40792 (1.0.0)
    package40793 (1.0.0)
    package40794 (1.0.0)
    package40795 (1.0.0)
    package40796 (1.0.0)
    package40797 (1.0.0)
    package40798 (1.0.0)
    package40799 (1.0.0)
    package40800 (1.0.0)
    package40801 (1.0.0)
    package40802 (1.0.0)
    package40803 (1.0.0)
    package40804 (1.0.0)
    package40805 (1.0.0)
    package40806 (1.0.0)
    package40807 (1.0.0)
    package40808 (1.0.0)
    package40809 (1.0.0)
    package40810 (1.0.0)
    package40811 (1.0.0)
    package40812 (1.0.0)
    package40813 (1.0.0)
    package40814 (1.0.0)
    package40815 (1.0.0)
    package40816 (1.0.0)
    package40817 (1.0.0)
    package40818 (1.0.0)
    package40819 (1.0.0)
    package40820 (1.0.0)
    package40821 (1.0.0)
    package40822 (1.0.0)
    package40823 (1.0.0)
    package40824 (1.0.0)
    package40825 (1.0.0)
    package40826 (1.0.0)
    package40827 (1.0.0)
    package40828 (1.0.0)
    package40829 (1.0.0)
    package40830 (1.0.0)
    package40831 (1.0.0)
    package40832 (1.0.0)
    package40833 (1.0.0)
    package40834 (1.0.0)
    package40835 (1.0.0)
    package40836 (1.0.0)
    package40837 (1.0.0)
    package40838 (1.0.0)
    package40839 (1.0.0)
    package40840 (1.0.0)
    package40841 (1.0.0)
    package40842 (1.0.0)
    package40843 (1.0.0)
    package40844 (1.0.0)
    package40845 (1.0.0)
    package40846 (1.0.0)
    package40847 (1.0.0)
    package40848 (1.0.0)
    package40849 (1.0.0)
    package40850 (1.0.0)
    package40851 (1.0.0)
    package40852 (1.0.0)
    package40853 (1.0.0)
    package40854 (1.0.0)
    package40855 (1.0.0)
    package40856 (1.0.0)
    package40857 (1.0.0)
    package40858 (1.0.0)
    package40859 (1.0.0)
    package40860 (1.0.0)
    package40861 (1.0.0)
    package40862 (1.0.0)
    package40863 (1.0.0)
    package40864 (1.0.0)
    package40865 (1.0.0)
    package40866 (1.0.0)
    package40867 (1.0.0)
    package40868 (1.0.0)
    package40869 (1.0.0)
    package40870 (1.0.0)
    package40871 (1.0.0)
    package40872 (1.0.0)
    package40873 (1.0.0)
    package40874 (1.0.0)
    package40875 (1.0.0)
    package40876 (1.0.0)
    package40877 (1.0.0)
    package40878 (1.0.0)
    package40879 (1.0.0)
    package40880 (1.0.0)
    package40881 (1.0.0)
    package40882 (1.0.0)
    package40883 (1.0.0)
    package40884 (1.0.0)
    package40885 (1.0.0)
    package40886 (1.0.0)
    package40887 (1.0.0)
    package40888 (1.0.0)
    package40889 (1.0.0)
    package40890 (1.0.0)
    package40891 (1.0.0)
    package40892 (1.0.0)
    package40893 (1.0.0)
    package40894 (1.0.0)
    package40895 (1.0.0)
    package40896 (1.0.0)
    package40897 (1.0.0)
    package40898 (1.0.0)
    package40899 (1.0.0)
    package40900 (1.0.0)
    package40901 (1.0.0)
    package40902 (1.0.0)
    package40903 (1.0.0)
    package40904 (1.0.0)
    package40905 (1.0.0)
    package40906 (1.0.0)
    package40907 (1.0.0)
    package40908 (1.0.0)
    package40909 (1.0.0)
    package40910 (1.0.0)
    package40911 (1.0.0)
    package40912 (1.0.0)
    package40913 (1.0.0)
    package40914 (1.0.0)
    package40915 (1.0.0)
    package40916 (1.0.0)
    package40917 (1.0.0)
    package40918 (1.0.0)
    package40919 (1.0.0)
    package40920 (1.0.0)
    package40921 (1.0.0)
    package40922 (1.0.0)
    package40923 (1.0.0)
    package40924 (1.0.0)
    package40925 (1.0.0)
    package40926 (1.0.0)
    package40927 (1.0.0)
    package40928 (1.0.0)
    package40929 (1.0.0)
    package40930 (1.0.0)
    package40931 (1.0.0)
    package40932 (1.0.0)
    package40933 (1.0.0)
    package40934 (1.0.0)
    package40935 (1.0.0)
    package40936 (1.0.0)
    package40937 (1.0.0)
    package40938 (1.0.0)
    package40939 (1.0.0)
    package40940 (1.0.0)
    package40941 (1.0.0)
    package40942 (1.0.0)
    package40943 (1.0.0)
    package40944 (1.0.0)
    package40945 (1.0.0)
    package40946 (1.0.0)
    package40947 (1.0.0)
    package40948 (1.0.0)
    package40949 (1.0.0)
    package40950 (1.0.0)
    package40951 (1.0.0)
    package40952 (1.0.0)
    package40953 (1.0.0)
    package40954 (1.0.0)
    package40955 (1.0.0)
    package40956 (1.0.0)
    package40957 (1.0.0)
    package40958 (1.0.0)
    package40959 (1.0.0)
    package40960 (1.0.0)
    package40961 (1.0.0)
    package40962 (1.0.0)
    package40963 (1.0.0)
    package40964 (1.0.0)
    package40965 (1.0.0)
    package40966 (1.0.0)
    package40967 (1.0.0)
    package40968 (1.0.0)
    package40969 (1.0.0)
    package40970 (1.0.0)
    package40971 (1.0.0)
    package40972 (1.0.0)
    package40973 (1.0.0)
    package40974 (1.0.0)
    package40975 (1.0.0)
    package40976 (1.0.0)
    package40977 (1.0.0)
    package40978 (1.0.0)
    package40979 (1.0.0)
    package40980 (1.0.0)
    package40981 (1.0.0)
    package40982 (1.0.0)
    package40983 (1.0.0)
    package40984 (1.0.0)
    package40985 (1.0.0)
    package40986 (1.0.0)
    package40987 (1.0.0)
    package40988 (1.0.0)
    package40989 (1.0.0)
    package40990 (1.0.0)
    package40991 (1.0.0)
    package40992 (1.0.0)
    package40993 (1.0.0)
    package40994 (1.0.0)
    package40995 (1.0.0)
    package40996 (1.0.0)
    package40997 (1.0.0)
    package40998 (1.0.0)
    package40999 (1.0.0)
    package41000 (1.0.0)
    package41001 (1.0.0)
    package41002 (1.0.0)
    package41003 (1.0.0)
    package41004 (1.0.0)
    package41005 (1.0.0)
    package41006 (1.0.0)
    package41007 (1.0.0)
    package41008 (1.0.0)
    package41009 (1.0.0)
    package41010 (1.0.0)
    package41011 (1.0.0)
    package41012 (1.0.0)
    package41013 (1.0.0)
    package41014 (1.0.0)
    package41015 (1.0.0)
    package41016 (1.0.0)
    package41017 (1.0.0)
    package41018 (1.0.0)
    package41019 (1.0.0)
    package41020 (1.0.0)
    package41021 (1.0.0)
    package41022 (1.0.0)
    package41023 (1.0.0)
    package41024 (1.0.0)
    package41025 (1.0.0)
    package41026 (1.0.0)
    package41027 (1.0.0)
    package41028 (1.0.0)
    package41029 (1.0.0)
    package41030 (1.0.0)
    package41031 (1.0.0)
    package41032 (1.0.0)
    package41033 (1.0.0)
    package41034 (1.0.0)
    package41035 (1.0.0)
    package41036 (1.0.0)
    package41037 (1.0.0)
    package41038 (1.0.0)
    package41039 (1.0.0)
    package41040 (1.0.0)
    package41041 (1.0.0)
    package41042 (1.0.0)
    package41043 (1.0.0)
    package41044 (1.0.0)
    package41045 (1.0.0)
    package41046 (1.0.0)
    package41047 (1.0.0)
    package41048 (1.0.0)
    package41049 (1.0.0)
    package41050 (1.0.0)
    package41051 (1.0.0)
    package41052 (1.0.0)
    package41053 (1.0.0)
    package41054 (1.0.0)
    package41055 (1.0.0)
    package41056 (1.0.0)
    package41057 (1.0.0)
    package41058 (1.0.0)
    package41059 (1.0.0)
    package41060 (1.0.0)
    package41061 (1.0.0)
    package41062 (1.0.0)
    package41063 (1.0.0)
    package41064 (1.0.0)
    package41065 (1.0.0)
    package41066 (1.0.0)
    package41067 (1.0.0)
    package41068 (1.0.0)
    package41069 (1.0.0)
    package41070 (1.0.0)
    package41071 (1.0.0)
    package41072 (1.0.0)
    package41073 (1.0.0)
    package41074 (1.0.0)
    package41075 (1.0.0)
    package41076 (1.0.0)
    package41077 (1.0.0)
    package41078 (1.0.0)
    package41079 (1.0.0)
    package41080 (1.0.0)
    package41081 (1.0.0)
    package41082 (1.0.0)
    package41083 (1.0.0)
    package41084 (1.0.0)
    package41085 (1.0.0)
    package41086 (1.0.0)
    package41087 (1.0.0)
    package41088 (1.0.0)
    package41089 (1.0.0)
    package41090 (1.0.0)
    package41091 (1.0.0)
    package41092 (1.0.0)
    package41093 (1.0.0)
    package41094 (1.0.0)
    package41095 (1.0.0)
    package41096 (1.0.0)
    package41097 (1.0.0)
    package41098 (1.0.0)
    package41099 (1.0.0)
    package41100 (1.0.0)
    package41101 (1.0.0)
    package41102 (1.0.0)
    package41103 (1.0.0)
    package41104 (1.0.0)
    package41105 (1.0.0)
    package41106 (1.0.0)
    package41107 (1.0.0)
    package41108 (1.0.0)
    package41109 (1.0.0)
    package41110 (1.0.0)
    package41111 (1.0.0)
    package41112 (1.0.0)
    package41113 (1.0.0)
    package41114 (1.0.0)
    package41115 (1.0.0)
    package41116 (1.0.0)
    package41117 (1.0.0)
    package41118 (1.0.0)
    package41119 (1.0.0)
    package41120 (1.0.0)
    package41121 (1.0.0)
    package41122 (1.0.0)
    package41123 (1.0.0)
    package41124 (1.0.0)
    package41125 (1.0.0)
    package41126 (1.0.0)
    package41127 (1.0.0)
    package41128 (1.0.0)
    package41129 (1.0.0)
    package41130 (1.0.0)
    package41131 (1.0.0)
    package41132 (1.0.0)
    package41133 (1.0.0)
    package41134 (1.0.0)
    package41135 (1.0.0)
    package41136 (1.0.0)
    package41137 (1.0.0)
    package41138 (1.0.0)
    package41139 (1.0.0)
    package41140 (1.0.0)
    package41141 (1.0.0)
    package41142 (1.0.0)
    package41143 (1.0.0)
    package41144 (1.0.0)
    package41145 (1.0.0)
    package41146 (1.0.0)
    package41147 (1.0.0)
    package41148 (1.0.0)
    package41149 (1.0.0)
    package41150 (1.0.0)
    package41151 (1.0.0)
    package41152 (1.0.0)
    package41153 (1.0.0)
    package41154 (1.0.0)
    package41155 (1.0.0)
    package41156 (1.0.0)
    package41157 (1.0.0)
    package41158 (1.0.0)
    package41159 (1.0.0)
    package41160 (1.0.0)
    package41161 (1.0.0)
    package41162 (1.0.0)
    package41163 (1.0.0)
    package41164 (1.0.0)
    package41165 (1.0.0)
    package41166 (1.0.0)
    package41167 (1.0.0)
    package41168 (1.0.0)
    package41169 (1.0.0)
    package41170 (1.0.0)
    package41171 (1.0.0)
    package41172 (1.0.0)
    package41173 (1.0.0)
    package41174 (1.0.0)
    package41175 (1.0.0)
    package41176 (1.0.0)
    package41177 (1.0.0)
    package41178 (1.0.0)
    package41179 (1.0.0)
    package41180 (1.0.0)
    package41181 (1.0.0)
    package41182 (1.0.0)
    package41183 (1.0.0)
    package41184 (1.0.0)
    package41185 (1.0.0)
    package41186 (1.0.0)
    package41187 (1.0.0)
    package41188 (1.0.0)
    package41189 (1.0.0)
    package41190 (1.0.0)
    package41191 (1.0.0)
    package41192 (1.0.0)
    package41193 (1.0.0)
    package41194 (1.0.0)
    package41195 (1.0.0)
    package41196 (1.0.0)
    package41197 (1.0.0)
    package41198 (1.0.0)
    package41199 (1.0.0)
    package41200 (1.0.0)
    package41201 (1.0.0)
    package41202 (1.0.0)
    package41203 (1.0.0)
    package41204 (1.0.0)
    package41205 (1.0.0)
    package41206 (1.0.0)
    package41207 (1.0.0)
    package41208 (1.0.0)
    package41209 (1.0.0)
    package41210 (1.0.0)
    package41211 (1.0.0)
    package41212 (1.0.0)
    package41213 (1.0.0)
    package41214 (1.0.0)
    package41215 (1.0.0)
    package41216 (1.0.0)
    package41217 (1.0.0)
    package41218 (1.0.0)
    package41219 (1.0.0)
    package41220 (1.0.0)
    package41221 (1.0.0)
    package41222 (1.0.0)
    package41223 (1.0.0)
    package41224 (1.0.0)
    package41225 (1.0.0)
    package41226 (1.0.0)
    package41227 (1.0.0)
    package41228 (1.0.0)
    package41229 (1.0.0)
    package41230 (1.0.0)
    package41231 (1.0.0)
    package41232 (1.0.0)
    package41233 (1.0.0)
    package41234 (1.0.0)
    package41235 (1.0.0)
    package41236 (1.0.0)
    package41237 (1.0.0)
    package41238 (1.0.0)
    package41239 (1.0.0)
    package41240 (1.0.0)
    package41241 (1.0.0)
    package41242 (1.0.0)
    package41243 (1.0.0)
    package41244 (1.0.0)
    package41245 (1.0.0)
    package41246 (1.0.0)
    package41247 (1.0.0)
    package41248 (1.0.0)
    package41249 (1.0.0)
    package41250 (1.0.0)
    package41251 (1.0.0)
    package41252 (1.0.0)
    package41253 (1.0.0)
    package41254 (1.0.0)
    package41255 (1.0.0)
    package41256 (1.0.0)
    package41257 (1.0.0)
    package41258 (1.0.0)
    package41259 (1.0.0)
    package41260 (1.0.0)
    package41261 (1.0.0)
    package41262 (1.0.0)
    package41263 (1.0.0)
    package41264 (1.0.0)
    package41265 (1.0.0)
    package41266 (1.0.0)
    package41267 (1.0.0)
    package41268 (1.0.0)
    package41269 (1.0.0)
    package41270 (1.0.0)
    package41271 (1.0.0)
    package41272 (1.0.0)
    package41273 (1.0.0)
    package41274 (1.0.0)
    package41275 (1.0.0)
    package41276 (1.0.0)
    package41277 (1.0.0)
    package41278 (1.0.0)
    package41279 (1.0.0)
    package41280 (1.0.0)
    package41281 (1.0.0)
    package41282 (1.0.0)
    package41283 (1.0.0)
    package41284 (1.0.0)
    package41285 (1.0.0)
    package41286 (1.0.0)
    package41287 (1.0.0)
    package41288 (1.0.0)
    package41289 (1.0.0)
    package41290 (1.0.0)
    package41291 (1.0.0)
    package41292 (1.0.0)
    package41293 (1.0.0)
    package41294 (1.0.0)
    package41295 (1.0.0)
    package41296 (1.0.0)
    package41297 (1.0.0)
    package41298 (1.0.0)
    package41299 (1.0.0)
    package41300 (1.0.0)
    package41301 (1.0.0)
    package41302 (1.0.0)
    package41303 (1.0.0)
    package41304 (1.0.0)
    package41305 (1.0.0)
    package41306 (1.0.0)
    package41307 (1.0.0)
    package41308 (1.0.0)
    package41309 (1.0.0)
    package41310 (1.0.0)
    package41311 (1.0.0)
    package41312 (1.0.0)
    package41313 (1.0.0)
    package41314 (1.0.0)
    package41315 (1.0.0)
    package41316 (1.0.0)
    package41317 (1.0.0)
    package41318 (1.0.0)
    package41319 (1.0.0)
    package41320 (1.0.0)
    package41321 (1.0.0)
    package41322 (1.0.0)
    package41323 (1.0.0)
    package41324 (1.0.0)
    package41325 (1.0.0)
    package41326 (1.0.0)
    package41327 (1.0.0)
    package41328 (1.0.0)
    package41329 (1.0.0)
    package41330 (1.0.0)
    package41331 (1.0.0)
    package41332 (1.0.0)
    package41333 (1.0.0)
    package41334 (1.0.0)
    package41335 (1.0.0)
    package41336 (1.0.0)
    package41337 (1.0.0)
    package41338 (1.0.0)
    package41339 (1.0.0)
    package41340 (1.0.0)
    package41341 (1.0.0)
    package41342 (1.0.0)
    package41343 (1.0.0)
    package41344 (1.0.0)
    package41345 (1.0.0)
    package41346 (1.0.0)
    package41347 (1.0.0)
    package41348 (1.0.0)
    package41349 (1.0.0)
    package41350 (1.0.0)
    package41351 (1.0.0)
    package41352 (1.0.0)
    package41353 (1.0.0)
    package41354 (1.0.0)
    package41355 (1.0.0)
    package41356 (1.0.0)
    package41357 (1.0.0)
    package41358 (1.0.0)
    package41359 (1.0.0)
    package41360 (1.0.0)
    package41361 (1.0.0)
    package41362 (1.0.0)
    package41363 (1.0.0)
    package41364 (1.0.0)
    package41365 (1.0.0)
    package41366 (1.0.0)
    package41367 (1.0.0)
    package41368 (1.0.0)
    package41369 (1.0.0)
    package41370 (1.0.0)
    package41371 (1.0.0)
    package41372 (1.0.0)
    package41373 (1.0.0)
    package41374 (1.0.0)
    package41375 (1.0.0)
    package41376 (1.0.0)
    package41377 (1.0.0)
    package41378 (1.0.0)
    package41379 (1.0.0)
    package41380 (1.0.0)
    package41381 (1.0.0)
    package41382 (1.0.0)
    package41383 (1.0.0)
    package41384 (1.0.0)
    package41385 (1.0.0)
    package41386 (1.0.0)
    package41387 (1.0.0)
    package41388 (1.0.0)
    package41389 (1.0.0)
    package41390 (1.0.0)
    package41391 (1.0.0)
    package41392 (1.0.0)
    package41393 (1.0.0)
    package41394 (1.0.0)
    package41395 (1.0.0)
    package41396 (1.0.0)
    package41397 (1.0.0)
    package41398 (1.0.0)
    package41399 (1.0.0)
    package41400 (1.0.0)
    package41401 (1.0.0)
    package41402 (1.0.0)
    package41403 (1.0.0)
    package41404 (1.0.0)
    package41405 (1.0.0)
    package41406 (1.0.0)
    package41407 (1.0.0)
    package41408 (1.0.0)
    package41409 (1.0.0)
    package41410 (1.0.0)
    package41411 (1.0.0)
    package41412 (1.0.0)
    package41413 (1.0.0)
    package41414 (1.0.0)
    package41415 (1.0.0)
    package41416 (1.0.0)
    package41417 (1.0.0)
    package41418 (1.0.0)
    package41419 (1.0.0)
    package41420 (1.0.0)
    package41421 (1.0.0)
    package41422 (1.0.0)
    package41423 (1.0.0)
    package41424 (1.0.0)
    package41425 (1.0.0)
    package41426 (1.0.0)
    package41427 (1.0.0)
    package41428 (1.0.0)
    package41429 (1.0.0)
    package41430 (1.0.0)
    package41431 (1.0.0)
    package41432 (1.0.0)
    package41433 (1.0.0)
    package41434 (1.0.0)
    package41435 (1.0.0)
    package41436 (1.0.0)
    package41437 (1.0.0)
    package41438 (1.0.0)
    package41439 (1.0.0)
    package41440 (1.0.0)
    package41441 (1.0.0)
    package41442 (1.0.0)
    package41443 (1.0.0)
    package41444 (1.0.0)
    package41445 (1.0.0)
    package41446 (1.0.0)
    package41447 (1.0.0)
    package41448 (1.0.0)
    package41449 (1.0.0)
    package41450 (1.0.0)
    package41451 (1.0.0)
    package41452 (1.0.0)
    package41453 (1.0.0)
    package41454 (1.0.0)
    package41455 (1.0.0)
    package41456 (1.0.0)
    package41457 (1.0.0)
    package41458 (1.0.0)
    package41459 (1.0.0)
    package41460 (1.0.0)
    package41461 (1.0.0)
    package41462 (1.0.0)
    package41463 (1.0.0)
    package41464 (1.0.0)
    package41465 (1.0.0)
    package41466 (1.0.0)
    package41467 (1.0.0)
    package41468 (1.0.0)
    package41469 (1.0.0)
    package41470 (1.0.0)
    package41471 (1.0.0)
    package41472 (1.0.0)
    package41473 (1.0.0)
    package41474 (1.0.0)
    package41475 (1.0.0)
    package41476 (1.0.0)
    package41477 (1.0.0)
    package41478 (1.0.0)
    package41479 (1.0.0)
    package41480 (1.0.0)
    package41481 (1.0.0)
    package41482 (1.0.0)
    package41483 (1.0.0)
    package41484 (1.0.0)
    package41485 (1.0.0)
    package41486 (1.0.0)
    package41487 (1.0.0)
    package41488 (1.0.0)
    package41489 (1.0.0)
    package41490 (1.0.0)
    package41491 (1.0.0)
    package41492 (1.0.0)
    package41493 (1.0.0)
    package41494 (1.0.0)
    package41495 (1.0.0)
    package41496 (1.0.0)
    package41497 (1.0.0)
    package41498 (1.0.0)
    package41499 (1.0.0)
    package41500 (1.0.0)
    package41501 (1.0.0)
    package41502 (1.0.0)
    package41503 (1.0.0)
    package41504 (1.0.0)
    package41505 (1.0.0)
    package41506 (1.0.0)
    package41507 (1.0.0)
    package41508 (1.0.0)
    package41509 (1.0.0)
    package41510 (1.0.0)
    package41511 (1.0.0)
    package41512 (1.0.0)
    package41513 (1.0.0)
    package41514 (1.0.0)
    package41515 (1.0.0)
    package41516 (1.0.0)
    package41517 (1.0.0)
    package41518 (1.0.0)
    package41519 (1.0.0)
    package41520 (1.0.0)
    package41521 (1.0.0)
    package41522 (1.0.0)
    package41523 (1.0.0)
    package41524 (1.0.0)
    package41525 (1.0.0)
    package41526 (1.0.0)
    package41527 (1.0.0)
    package41528 (1.0.0)
    package41529 (1.0.0)
    package41530 (1.0.0)
    package41531 (1.0.0)
    package41532 (1.0.0)
    package41533 (1.0.0)
    package41534 (1.0.0)
    package41535 (1.0.0)
    package41536 (1.0.0)
    package41537 (1.0.0)
    package41538 (1.0.0)
    package41539 (1.0.0)
    package41540 (1.0.0)
    package41541 (1.0.0)
    package41542 (1.0.0)
    package41543 (1.0.0)
    package41544 (1.0.0)
    package41545 (1.0.0)
    package41546 (1.0.0)
    package41547 (1.0.0)
    package41548 (1.0.0)
    package41549 (1.0.0)
    package41550 (1.0.0)
    package41551 (1.0.0)
    package41552 (1.0.0)
    package41553 (1.0.0)
    package41554 (1.0.0)
    package41555 (1.0.0)
    package41556 (1.0.0)
    package41557 (1.0.0)
    package41558 (1.0.0)
    package41559 (1.0.0)
    package41560 (1.0.0)
    package41561 (1.0.0)
    package41562 (1.0.0)
    package41563 (1.0.0)
    package41564 (1.0.0)
    package41565 (1.0.0)
    package41566 (1.0.0)
    package41567 (1.0.0)
    package41568 (1.0.0)
    package41569 (1.0.0)
    package41570 (1.0.0)
    package41571 (1.0.0)
    package41572 (1.0.0)
    package41573 (1.0.0)
    package41574 (1.0.0)
    package41575 (1.0.0)
    package41576 (1.0.0)
    package41577 (1.0.0)
    package41578 (1.0.0)
    package41579 (1.0.0)
    package41580 (1.0.0)
    package41581 (1.0.0)
    package41582 (1.0.0)
    package41583 (1.0.0)
    package41584 (1.0.0)
    package41585 (1.0.0)
    package41586 (1.0.0)
    package41587 (1.0.0)
    package41588 (1.0.0)
    package41589 (1.0.0)
    package41590 (1.0.0)
    package41591 (1.0.0)
    package41592 (1.0.0)
    package41593 (1.0.0)
    package41594 (1.0.0)
    package41595 (1.0.0)
    package41596 (1.0.0)
    package41597 (1.0.0)
    package41598 (1.0.0)
    package41599 (1.0.0)
    package41600 (1.0.0)
    package41601 (1.0.0)
    package41602 (1.0.0)
    package41603 (1.0.0)
    package41604 (1.0.0)
    package41605 (1.0.0)
    package41606 (1.0.0)
    package41607 (1.0.0)
    package41608 (1.0.0)
    package41609 (1.0.0)
    package41610 (1.0.0)
    package41611 (1.0.0)
    package41612 (1.0.0)
    package41613 (1.0.0)
    package41614 (1.0.0)
    package41615 (1.0.0)
    package41616 (1.0.0)
    package41617 (1.0.0)
    package41618 (1.0.0)
    package41619 (1.0.0)
    package41620 (1.0.0)
    package41621 (1.0.0)
    package41622 (1.0.0)
    package41623 (1.0.0)
    package41624 (1.0.0)
    package41625 (1.0.0)
    package41626 (1.0.0)
    package41627 (1.0.0)
    package41628 (1.0.0)
    package41629 (1.0.0)
    package41630 (1.0.0)
    package41631 (1.0.0)
    package41632 (1.0.0)
    package41633 (1.0.0)
    package41634 (1.0.0)
    package41635 (1.0.0)
    package41636 (1.0.0)
    package41637 (1.0.0)
    package41638 (1.0.0)
    package41639 (1.0.0)
    package41640 (1.0.0)
    package41641 (1.0.0)
    package41642 (1.0.0)
    package41643 (1.0.0)
    package41644 (1.0.0)
    package41645 (1.0.0)
    package41646 (1.0.0)
    package41647 (1.0.0)
    package41648 (1.0.0)
    package41649 (1.0.0)
    package41650 (1.0.0)
    package41651 (1.0.0)
    package41652 (1.0.0)
    package41653 (1.0.0)
    package41654 (1.0.0)
    package41655 (1.0.0)
    package41656 (1.0.0)
    package41657 (1.0.0)
    package41658 (1.0.0)
    package41659 (1.0.0)
    package41660 (1.0.0)
    package41661 (1.0.0)
    package41662 (1.0.0)
    package41663 (1.0.0)
    package41664 (1.0.0)
    package41665 (1.0.0)
    package41666 (1.0.0)
    package41667 (1.0.0)
    package41668 (1.0.0)
    package41669 (1.0.0)
    package41670 (1.0.0)
    package41671 (1.0.0)
    package41672 (1.0.0)
    package41673 (1.0.0)
    package41674 (1.0.0)
    package41675 (1.0.0)
    package41676 (1.0.0)
    package41677 (1.0.0)
    package41678 (1.0.0)
    package41679 (1.0.0)
    package41680 (1.0.0)
    package41681 (1.0.0)
    package41682 (1.0.0)
    package41683 (1.0.0)
    package41684 (1.0.0)
    package41685 (1.0.0)
    package41686 (1.0.0)
    package41687 (1.0.0)
    package41688 (1.0.0)
    package41689 (1.0.0)
    package41690 (1.0.0)
    package41691 (1.0.0)
    package41692 (1.0.0)
    package41693 (1.0.0)
    package41694 (1.0.0)
    package41695 (1.0.0)
    package41696 (1.0.0)
    package41697 (1.0.0)
    package41698 (1.0.0)
    package41699 (1.0.0)
    package41700 (1.0.0)
    package41701 (1.0.0)
    package41702 (1.0.0)
    package41703 (1.0.0)
    package41704 (1.0.0)
    package41705 (1.0.0)
    package41706 (1.0.0)
    package41707 (1.0.0)
    package41708 (1.0.0)
    package41709 (1.0.0)
    package41710 (1.0.0)
    package41711 (1.0.0)
    package41712 (1.0.0)
    package41713 (1.0.0)
    package41714 (1.0.0)
    package41715 (1.0.0)
    package41716 (1.0.0)
    package41717 (1.0.0)
    package41718 (1.0.0)
    package41719 (1.0.0)
    package41720 (1.0.0)
    package41721 (1.0.0)
    package41722 (1.0.0)
    package41723 (1.0.0)
    package41724 (1.0.0)
    package41725 (1.0.0)
    package41726 (1.0.0)
    package41727 (1.0.0)
    package41728 (1.0.0)
    package41729 (1.0.0)
    package41730 (1.0.0)
    package41731 (1.0.0)
    package41732 (1.0.0)
    package41733 (1.0.0)
    package41734 (1.0.0)
    package41735 (1.0.0)
    package41736 (1.0.0)
    package41737 (1.0.0)
    package41738 (1.0.0)
    package41739 (1.0.0)
    package41740 (1.0.0)
    package41741 (1.0.0)
    package41742 (1.0.0)
    package41743 (1.0.0)
    package41744 (1.0.0)
    package41745 (1.0.0)
    package41746 (1.0.0)
    package41747 (1.0.0)
    package41748 (1.0.0)
    package41749 (1.0.0)
    package41750 (1.0.0)
    package41751 (1.0.0)
    package41752 (1.0.0)
    package41753 (1.0.0)
    package41754 (1.0.0)
    package41755 (1.0.0)
    package41756 (1.0.0)
    package41757 (1.0.0)
    package41758 (1.0.0)
    package41759 (1.0.0)
    package41760 (1.0.0)
    package41761 (1.0.0)
    package41762 (1.0.0)
    package41763 (1.0.0)
    package41764 (1.0.0)
    package41765 (1.0.0)
    package41766 (1.0.0)
    package41767 (1.0.0)
    package41768 (1.0.0)
    package41769 (1.0.0)
    package41770 (1.0.0)
    package41771 (1.0.0)
    package41772 (1.0.0)
    package41773 (1.0.0)
    package41774 (1.0.0)
    package41775 (1.0.0)
    package41776 (1.0.0)
    package41777 (1.0.0)
    package41778 (1.0.0)
    package41779 (1.0.0)
    package41780 (1.0.0)
    package41781 (1.0.0)
    package41782 (1.0.0)
    package41783 (1.0.0)
    package41784 (1.0.0)
    package41785 (1.0.0)
    package41786 (1.0.0)
    package41787 (1.0.0)
    package41788 (1.0.0)
    package41789 (1.0.0)
    package41790 (1.0.0)
    package41791 (1.0.0)
    package41792 (1.0.0)
    package41793 (1.0.0)
    package41794 (1.0.0)
    package41795 (1.0.0)
    package41796 (1.0.0)
    package41797 (1.0.0)
    package41798 (1.0.0)
    package41799 (1.0.0)
    package41800 (1.0.0)
    package41801 (1.0.0)
    package41802 (1.0.0)
    package41803 (1.0.0)
    package41804 (1.0.0)
    package41805 (1.0.0)
    package41806 (1.0.0)
    package41807 (1.0.0)
    package41808 (1.0.0)
    package41809 (1.0.0)
    package41810 (1.0.0)
    package41811 (1.0.0)
    package41812 (1.0.0)
    package41813 (1.0.0)
    package41814 (1.0.0)
    package41815 (1.0.0)
    package41816 (1.0.0)
    package41817 (1.0.0)
    package41818 (1.0.0)
    package41819 (1.0.0)
    package41820 (1.0.0)
    package41821 (1.0.0)
    package41822 (1.0.0)
    package41823 (1.0.0)
    package41824 (1.0.0)
    package41825 (1.0.0)
    package41826 (1.0.0)
    package41827 (1.0.0)
    package41828 (1.0.0)
    package41829 (1.0.0)
    package41830 (1.0.0)
    package41831 (1.0.0)
    package41832 (1.0.0)
    package41833 (1.0.0)
    package41834 (1.0.0)
    package41835 (1.0.0)
    package41836 (1.0.0)
    package41837 (1.0.0)
    package41838 (1.0.0)
    package41839 (1.0.0)
    package41840 (1.0.0)
    package41841 (1.0.0)
    package41842 (1.0.0)
    package41843 (1.0.0)
    package41844 (1.0.0)
    package41845 (1.0.0)
    package41846 (1.0.0)
    package41847 (1.0.0)
    package41848 (1.0.0)
    package41849 (1.0.0)
    package41850 (1.0.0)
    package41851 (1.0.0)
    package41852 (1.0.0)
    package41853 (1.0.0)
    package41854 (1.0.0)
    package41855 (1.0.0)
    package41856 (1.0.0)
    package41857 (1.0.0)
    package41858 (1.0.0)
    package41859 (1.0.0)
    package41860 (1.0.0)
    package41861 (1.0.0)
    package41862 (1.0.0)
    package41863 (1.0.0)
    package41864 (1.0.0)
    package41865 (1.0.0)
    package41866 (1.0.0)
    package41867 (1.0.0)
    package41868 (1.0.0)
    package41869 (1.0.0)
    package41870 (1.0.0)
    package41871 (1.0.0)
    package41872 (1.0.0)
    package41873 (1.0.0)
    package41874 (1.0.0)
    package41875 (1.0.0)
    package41876 (1.0.0)
    package41877 (1.0.0)
    package41878 (1.0.0)
    package41879 (1.0.0)
    package41880 (1.0.0)
    package41881 (1.0.0)
    package41882 (1.0.0)
    package41883 (1.0.0)
    package41884 (1.0.0)
    package41885 (1.0.0)
    package41886 (1.0.0)
    package41887 (1.0.0)
    package41888 (1.0.0)
    package41889 (1.0.0)
    package41890 (1.0.0)
    package41891 (1.0.0)
    package41892 (1.0.0)
    package41893 (1.0.0)
    package41894 (1.0.0)
    package41895 (1.0.0)
    package41896 (1.0.0)
    package41897 (1.0.0)
    package41898 (1.0.0)
    package41899 (1.0.0)
    package41900 (1.0.0)
    package41901 (1.0.0)
    package41902 (1.0.0)
    package41903 (1.0.0)
    package41904 (1.0.0)
    package41905 (1.0.0)
    package41906 (1.0.0)
    package41907 (1.0.0)
    package41908 (1.0.0)
    package41909 (1.0.0)
    package41910 (1.0.0)
    package41911 (1.0.0)
    package41912 (1.0.0)
    package41913 (1.0.0)
    package41914 (1.0.0)
    package41915 (1.0.0)
    package41916 (1.0.0)
    package41917 (1.0.0)
    package41918 (1.0.0)
    package41919 (1.0.0)
    package41920 (1.0.0)
    package41921 (1.0.0)
    package41922 (1.0.0)
    package41923 (1.0.0)
    package41924 (1.0.0)
    package41925 (1.0.0)
    package41926 (1.0.0)
    package41927 (1.0.0)
    package41928 (1.0.0)
    package41929 (1.0.0)
    package41930 (1.0.0)
    package41931 (1.0.0)
    package41932 (1.0.0)
    package41933 (1.0.0)
    package41934 (1.0.0)
    package41935 (1.0.0)
    package41936 (1.0.0)
    package41937 (1.0.0)
    package41938 (1.0.0)
    package41939 (1.0.0)
    package41940 (1.0.0)
    package41941 (1.0.0)
    package41942 (1.0.0)
    package41943 (1.0.0)
    package41944 (1.0.0)
    package41945 (1.0.0)
    package41946 (1.0.0)
    package41947 (1.0.0)
    package41948 (1.0.0)
    package41949 (1.0.0)
    package41950 (1.0.0)
    package41951 (1.0.0)
    package41952 (1.0.0)
    package41953 (1.0.0)
    package41954 (1.0.0)
    package41955 (1.0.0)
    package41956 (1.0.0)
    package41957 (1.0.0)
    package41958 (1.0.0)
    package41959 (1.0.0)
    package41960 (1.0.0)
    package41961 (1.0.0)
    package41962 (1.0.0)
    package41963 (1.0.0)
    package41964 (1.0.0)
    package41965 (1.0.0)
    package41966 (1.0.0)
    package41967 (1.0.0)
    package41968 (1.0.0)
    package41969 (1.0.0)
    package41970 (1.0.0)
    package41971 (1.0.0)
    package41972 (1.0.0)
    package41973 (1.0.0)
    package41974 (1.0.0)
    package41975 (1.0.0)
    package41976 (1.0.0)
    package41977 (1.0.0)
    package41978 (1.0.0)
    package41979 (1.0.0)
    package41980 (1.0.0)
    package41981 (1.0.0)
    package41982 (1.0.0)
    package41983 (1.0.0)
    package41984 (1.0.0)
    package41985 (1.0.0)
    package41986 (1.0.0)
    package41987 (1.0.0)
    package41988 (1.0.0)
    package41989 (1.0.0)
    package41990 (1.0.0)
    package41991 (1.0.0)
    package41992 (1.0.0)
    package41993 (1.0.0)
    package41994 (1.0.0)
    package41995 (1.0.0)
    package41996 (1.0.0)
    package41997 (1.0.0)
    package41998 (1.0.0)
    package41999 (1.0.0)
    package42000 (1.0.0)
    package42001 (1.0.0)
    package42002 (1.0.0)
    package42003 (1.0.0)
    package42004 (1.0.0)
    package42005 (1.0.0)
    package42006 (1.0.0)
    package42007 (1.0.0)
    package42008 (1.0.0)
    package42009 (1.0.0)
    package42010 (1.0.0)
    package42011 (1.0.0)
    package42012 (1.0.0)
    package42013 (1.0.0)
    package42014 (1.0.0)
    package42015 (1.0.0)
    package42016 (1.0.0)
    package42017 (1.0.0)
    package42018 (1.0.0)
    package42019 (1.0.0)
    package42020 (1.0.0)
    package42021 (1.0.0)
    package42022 (1.0.0)
    package42023 (1.0.0)
    package42024 (1.0.0)
    package42025 (1.0.0)
    package42026 (1.0.0)
    package42027 (1.0.0)
    package42028 (1.0.0)
    package42029 (1.0.0)
    package42030 (1.0.0)
    package42031 (1.0.0)
    package42032 (1.0.0)
    package42033 (1.0.0)
    package42034 (1.0.0)
    package42035 (1.0.0)
    package42036 (1.0.0)
    package42037 (1.0.0)
    package42038 (1.0.0)
    package42039 (1.0.0)
    package42040 (1.0.0)
    package42041 (1.0.0)
    package42042 (1.0.0)
    package42043 (1.0.0)
    package42044 (1.0.0)
    package42045 (1.0.0)
    package42046 (1.0.0)
    package42047 (1.0.0)
    package42048 (1.0.0)
    package42049 (1.0.0)
    package42050 (1.0.0)
    package42051 (1.0.0)
    package42052 (1.0.0)
    package42053 (1.0.0)
    package42054 (1.0.0)
    package42055 (1.0.0)
    package42056 (1.0.0)
    package42057 (1.0.0)
    package42058 (1.0.0)
    package42059 (1.0.0)
    package42060 (1.0.0)
    package42061 (1.0.0)
    package42062 (1.0.0)
    package42063 (1.0.0)
    package42064 (1.0.0)
    package42065 (1.0.0)
    package42066 (1.0.0)
    package42067 (1.0.0)
    package42068 (1.0.0)
    package42069 (1.0.0)
    package42070 (1.0.0)
    package42071 (1.0.0)
    package42072 (1.0.0)
    package42073 (1.0.0)
    package42074 (1.0.0)
    package42075 (1.0.0)
    package42076 (1.0.0)
    package42077 (1.0.0)
    package42078 (1.0.0)
    package42079 (1.0.0)
    package42080 (1.0.0)
    package42081 (1.0.0)
    package42082 (1.0.0)
    package42083 (1.0.0)
    package42084 (1.0.0)
    package42085 (1.0.0)
    package42086 (1.0.0)
    package42087 (1.0.0)
    package42088 (1.0.0)
    package42089 (1.0.0)
    package42090 (1.0.0)
    package42091 (1.0.0)
    package42092 (1.0.0)
    package42093 (1.0.0)
    package42094 (1.0.0)
    package42095 (1.0.0)
    package42096 (1.0.0)
    package42097 (1.0.0)
    package42098 (1.0.0)
    package42099 (1.0.0)
    package42100 (1.0.0)
    package42101 (1.0.0)
    package42102 (1.0.0)
    package42103 (1.0.0)
    package42104 (1.0.0)
    package42105 (1.0.0)
    package42106 (1.0.0)
    package42107 (1.0.0)
    package42108 (1.0.0)
    package42109 (1.0.0)
    package42110 (1.0.0)
    package42111 (1.0.0)
    package42112 (1.0.0)
    package42113 (1.0.0)
    package42114 (1.0.0)
    package42115 (1.0.0)
    package42116 (1.0.0)
    package42117 (1.0.0)
    package42118 (1.0.0)
    package42119 (1.0.0)
    package42120 (1.0.0)
    package42121 (1.0.0)
    package42122 (1.0.0)
    package42123 (1.0.0)
    package42124 (1.0.0)
    package42125 (1.0.0)
    package42126 (1.0.0)
    package42127 (1.0.0)
    package42128 (1.0.0)
    package42129 (1.0.0)
    package42130 (1.0.0)
    package42131 (1.0.0)
    package42132 (1.0.0)
    package42133 (1.0.0)
    package42134 (1.0.0)
    package42135 (1.0.0)
    package42136 (1.0.0)
    package42137 (1.0.0)
    package42138 (1.0.0)
    package42139 (1.0.0)
    package42140 (1.0.0)
    package42141 (1.0.0)
    package42142 (1.0.0)
    package42143 (1.0.0)
    package42144 (1.0.0)
    package42145 (1.0.0)
    package42146 (1.0.0)
    package42147 (1.0.0)
    package42148 (1.0.0)
    package42149 (1.0.0)
    package42150 (1.0.0)
    package42151 (1.0.0)
    package42152 (1.0.0)
    package42153 (1.0.0)
    package42154 (1.0.0)
    package42155 (1.0.0)
    package42156 (1.0.0)
    package42157 (1.0.0)
    package42158 (1.0.0)
    package42159 (1.0.0)
    package42160 (1.0.0)
    package42161 (1.0.0)
    package42162 (1.0.0)
    package42163 (1.0.0)
    package42164 (1.0.0)
    package42165 (1.0.0)
    package42166 (1.0.0)
    package42167 (1.0.0)
    package42168 (1.0.0)
    package42169 (1.0.0)
    package42170 (1.0.0)
    package42171 (1.0.0)
    package42172 (1.0.0)
    package42173 (1.0.0)
    package42174 (1.0.0)
    package42175 (1.0.0)
    package42176 (1.0.0)
    package42177 (1.0.0)
    package42178 (1.0.0)
    package42179 (1.0.0)
    package42180 (1.0.0)
    package42181 (1.0.0)
    package42182 (1.0.0)
    package42183 (1.0.0)
    package42184 (1.0.0)
    package42185 (1.0.0)
    package42186 (1.0.0)
    package42187 (1.0.0)
    package42188 (1.0.0)
    package42189 (1.0.0)
    package42190 (1.0.0)
    package42191 (1.0.0)
    package42192 (1.0.0)
    package42193 (1.0.0)
    package42194 (1.0.0)
    package42195 (1.0.0)
    package42196 (1.0.0)
    package42197 (1.0.0)
    package42198 (1.0.0)
    package42199 (1.0.0)
    package42200 (1.0.0)
    package42201 (1.0.0)
    package42202 (1.0.0)
    package42203 (1.0.0)
    package42204 (1.0.0)
    package42205 (1.0.0)
    package42206 (1.0.0)
    package42207 (1.0.0)
    package42208 (1.0.0)
    package42209 (1.0.0)
    package42210 (1.0.0)
    package42211 (1.0.0)
    package42212 (1.0.0)
    package42213 (1.0.0)
    package42214 (1.0.0)
    package42215 (1.0.0)
    package42216 (1.0.0)
    package42217 (1.0.0)
    package42218 (1.0.0)
    package42219 (1.0.0)
    package42220 (1.0.0)
    package42221 (1.0.0)
    package42222 (1.0.0)
    package42223 (1.0.0)
    package42224 (1.0.0)
    package42225 (1.0.0)
    package42226 (1.0.0)
    package42227 (1.0.0)
    package42228 (1.0.0)
    package42229 (1.0.0)
    package42230 (1.0.0)
    package42231 (1.0.0)
    package42232 (1.0.0)
    package42233 (1.0.0)
    package42234 (1.0.0)
    package42235 (1.0.0)
    package42236 (1.0.0)
    package42237 (1.0.0)
    package42238 (1.0.0)
    package42239 (1.0.0)
    package42240 (1.0.0)
    package42241 (1.0.0)
    package42242 (1.0.0)
    package42243 (1.0.0)
    package42244 (1.0.0)
    package42245 (1.0.0)
    package42246 (1.0.0)
    package42247 (1.0.0)
    package42248 (1.0.0)
    package42249 (1.0.0)
    package42250 (1.0.0)
    package42251 (1.0.0)
    package42252 (1.0.0)
    package42253 (1.0.0)
    package42254 (1.0.0)
    package42255 (1.0.0)
    package42256 (1.0.0)
    package42257 (1.0.0)
    package42258 (1.0.0)
    package42259 (1.0.0)
    package42260 (1.0.0)
    package42261 (1.0.0)
    package42262 (1.0.0)
    package42263 (1.0.0)
    package42264 (1.0.0)
    package42265 (1.0.0)
    package42266 (1.0.0)
    package42267 (1.0.0)
    package42268 (1.0.0)
    package42269 (1.0.0)
    package42270 (1.0.0)
    package42271 (1.0.0)
    package42272 (1.0.0)
    package42273 (1.0.0)
    package42274 (1.0.0)
    package42275 (1.0.0)
    package42276 (1.0.0)
    package42277 (1.0.0)
    package42278 (1.0.0)
    package42279 (1.0.0)
    package42280 (1.0.0)
    package42281 (1.0.0)
    package42282 (1.0.0)
    package42283 (1.0.0)
    package42284 (1.0.0)
    package42285 (1.0.0)
    package42286 (1.0.0)
    package42287 (1.0.0)
    package42288 (1.0.0)
    package42289 (1.0.0)
    package42290 (1.0.0)
    package42291 (1.0.0)
    package42292 (1.0.0)
    package42293 (1.0.0)
    package42294 (1.0.0)
    package42295 (1.0.0)
    package42296 (1.0.0)
    package42297 (1.0.0)
    package42298 (1.0.0)
    package42299 (1.0.0)
    package42300 (1.0.0)
    package42301 (1.0.0)
    package42302 (1.0.0)
    package42303 (1.0.0)
    package42304 (1.0.0)
    package42305 (1.0.0)
    package42306 (1.0.0)
    package42307 (1.0.0)
    package42308 (1.0.0)
    package42309 (1.0.0)
    package42310 (1.0.0)
    package42311 (1.0.0)
    package42312 (1.0.0)
    package42313 (1.0.0)
    package42314 (1.0.0)
    package42315 (1.0.0)
    package42316 (1.0.0)
    package42317 (1.0.0)
    package42318 (1.0.0)
    package42319 (1.0.0)
    package42320 (1.0.0)
    package42321 (1.0.0)
    package42322 (1.0.0)
    package42323 (1.0.0)
    package42324 (1.0.0)
    package42325 (1.0.0)
    package42326 (1.0.0)
    package42327 (1.0.0)
    package42328 (1.0.0)
    package42329 (1.0.0)
    package42330 (1.0.0)
    package42331 (1.0.0)
    package42332 (1.0.0)
    package42333 (1.0.0)
    package42334 (1.0.0)
    package42335 (1.0.0)
    package42336 (1.0.0)
    package42337 (1.0.0)
    package42338 (1.0.0)
    package42339 (1.0.0)
    package42340 (1.0.0)
    package42341 (1.0.0)
    package42342 (1.0.0)
    package42343 (1.0.0)
    package42344 (1.0.0)
    package42345 (1.0.0)
    package42346 (1.0.0)
    package42347 (1.0.0)
    package42348 (1.0.0)
    package42349 (1.0.0)
    package42350 (1.0.0)
    package42351 (1.0.0)
    package42352 (1.0.0)
    package42353 (1.0.0)
    package42354 (1.0.0)
    package42355 (1.0.0)
    package42356 (1.0.0)
    package42357 (1.0.0)
    package42358 (1.0.0)
    package42359 (1.0.0)
    package42360 (1.0.0)
    package42361 (1.0.0)
    package42362 (1.0.0)
    package42363 (1.0.0)
    package42364 (1.0.0)
    package42365 (1.0.0)
    package42366 (1.0.0)
    package42367 (1.0.0)
    package42368 (1.0.0)
    package42369 (1.0.0)
    package42370 (1.0.0)
    package42371 (1.0.0)
    package42372 (1.0.0)
    package42373 (1.0.0)
    package42374 (1.0.0)
    package42375 (1.0.0)
    package42376 (1.0.0)
    package42377 (1.0.0)
    package42378 (1.0.0)
    package42379 (1.0.0)
    package42380 (1.0.0)
    package42381 (1.0.0)
    package42382 (1.0.0)
    package42383 (1.0.0)
    package42384 (1.0.0)
    package42385 (1.0.0)
    package42386 (1.0.0)
    package42387 (1.0.0)
    package42388 (1.0.0)
    package42389 (1.0.0)
    package42390 (1.0.0)
    package42391 (1.0.0)
    package42392 (1.0.0)
    package42393 (1.0.0)
    package42394 (1.0.0)
    package42395 (1.0.0)
    package42396 (1.0.0)
    package42397 (1.0.0)
    package42398 (1.0.0)
    package42399 (1.0.0)
    package42400 (1.0.0)
    package42401 (1.0.0)
    package42402 (1.0.0)
    package42403 (1.0.0)
    package42404 (1.0.0)
    package42405 (1.0.0)
    package42406 (1.0.0)
    package42407 (1.0.0)
    package42408 (1.0.0)
    package42409 (1.0.0)
    package42410 (1.0.0)
    package42411 (1.0.0)
    package42412 (1.0.0)
    package42413 (1.0.0)
    package42414 (1.0.0)
    package42415 (1.0.0)
    package42416 (1.0.0)
    package42417 (1.0.0)
    package42418 (1.0.0)
    package42419 (1.0.0)
    package42420 (1.0.0)
    package42421 (1.0.0)
    package42422 (1.0.0)
    package42423 (1.0.0)
    package42424 (1.0.0)
    package42425 (1.0.0)
    package42426 (1.0.0)
    package42427 (1.0.0)
    package42428 (1.0.0)
    package42429 (1.0.0)
    package42430 (1.0.0)
    package42431 (1.0.0)
    package42432 (1.0.0)
    package42433 (1.0.0)
    package42434 (1.0.0)
    package42435 (1.0.0)
    package42436 (1.0.0)
    package42437 (1.0.0)
    package42438 (1.0.0)
    package42439 (1.0.0)
    package42440 (1.0.0)
    package42441 (1.0.0)
    package42442 (1.0.0)
    package42443 (1.0.0)
    package42444 (1.0.0)
    package42445 (1.0.0)
    package42446 (1.0.0)
    package42447 (1.0.0)
    package42448 (1.0.0)
    package42449 (1.0.0)
    package42450 (1.0.0)
    package42451 (1.0.0)
    package42452 (1.0.0)
    package42453 (1.0.0)
    package42454 (1.0.0)
    package42455 (1.0.0)
    package42456 (1.0.0)
    package42457 (1.0.0)
    package42458 (1.0.0)
    package42459 (1.0.0)
    package42460 (1.0.0)
    package42461 (1.0.0)
    package42462 (1.0.0)
    package42463 (1.0.0)
    package42464 (1.0.0)
    package42465 (1.0.0)
    package42466 (1.0.0)
    package42467 (1.0.0)
    package42468 (1.0.0)
    package42469 (1.0.0)
    package42470 (1.0.0)
    package42471 (1.0.0)
    package42472 (1.0.0)
    package42473 (1.0.0)
    package42474 (1.0.0)
    package42475 (1.0.0)
    package42476 (1.0.0)
    package42477 (1.0.0)
    package42478 (1.0.0)
    package42479 (1.0.0)
    package42480 (1.0.0)
    package42481 (1.0.0)
    package42482 (1.0.0)
    package42483 (1.0.0)
    package42484 (1.0.0)
    package42485 (1.0.0)
    package42486 (1.0.0)
    package42487 (1.0.0)
    package42488 (1.0.0)
    package42489 (1.0.0)
    package42490 (1.0.0)
    package42491 (1.0.0)
    package42492 (1.0.0)
    package42493 (1.0.0)
    package42494 (1.0.0)
    package42495 (1.0.0)
    package42496 (1.0.0)
    package42497 (1.0.0)
    package42498 (1.0.0)
    package42499 (1.0.0)
    package42500 (1.0.0)
    package42501 (1.0.0)
    package42502 (1.0.0)
    package42503 (1.0.0)
    package42504 (1.0.0)
    package42505 (1.0.0)
    package42506 (1.0.0)
    package42507 (1.0.0)
    package42508 (1.0.0)
    package42509 (1.0.0)
    package42510 (1.0.0)
    package42511 (1.0.0)
    package42512 (1.0.0)
    package42513 (1.0.0)
    package42514 (1.0.0)
    package42515 (1.0.0)
    package42516 (1.0.0)
    package42517 (1.0.0)
    package42518 (1.0.0)
    package42519 (1.0.0)
    package42520 (1.0.0)
    package42521 (1.0.0)
    package42522 (1.0.0)
    package42523 (1.0.0)
    package42524 (1.0.0)
    package42525 (1.0.0)
    package42526 (1.0.0)
    package42527 (1.0.0)
    package42528 (1.0.0)
    package42529 (1.0.0)
    package42530 (1.0.0)
    package42531 (1.0.0)
    package42532 (1.0.0)
    package42533 (1.0.0)
    package42534 (1.0.0)
    package42535 (1.0.0)
    package42536 (1.0.0)
    package42537 (1.0.0)
    package42538 (1.0.0)
    package42539 (1.0.0)
    package42540 (1.0.0)
    package42541 (1.0.0)
    package42542 (1.0.0)
    package42543 (1.0.0)
    package42544 (1.0.0)
    package42545 (1.0.0)
    package42546 (1.0.0)
    package42547 (1.0.0)
    package42548 (1.0.0)
    package42549 (1.0.0)
    package42550 (1.0.0)
    package42551 (1.0.0)
    package42552 (1.0.0)
    package42553 (1.0.0)
    package42554 (1.0.0)
    package42555 (1.0.0)
    package42556 (1.0.0)
    package42557 (1.0.0)
    package42558 (1.0.0)
    package42559 (1.0.0)
    package42560 (1.0.0)
    package42561 (1.0.0)
    package42562 (1.0.0)
    package42563 (1.0.0)
    package42564 (1.0.0)
    package42565 (1.0.0)
    package42566 (1.0.0)
    package42567 (1.0.0)
    package42568 (1.0.0)
    package42569 (1.0.0)
    package42570 (1.0.0)
    package42571 (1.0.0)
    package42572 (1.0.0)
    package42573 (1.0.0)
    package42574 (1.0.0)
    package42575 (1.0.0)
    package42576 (1.0.0)
    package42577 (1.0.0)
    package42578 (1.0.0)
    package42579 (1.0.0)
    package42580 (1.0.0)
    package42581 (1.0.0)
    package42582 (1.0.0)
    package42583 (1.0.0)
    package42584 (1.0.0)
    package42585 (1.0.0)
    package42586 (1.0.0)
    package42587 (1.0.0)
    package42588 (1.0.0)
    package42589 (1.0.0)
    package42590 (1.0.0)
    package42591 (1.0.0)
    package42592 (1.0.0)
    package42593 (1.0.0)
    package42594 (1.0.0)
    package42595 (1.0.0)
    package42596 (1.0.0)
    package42597 (1.0.0)
    package42598 (1.0.0)
    package42599 (1.0.0)
    package42600 (1.0.0)
    package42601 (1.0.0)
    package42602 (1.0.0)
    package42603 (1.0.0)
    package42604 (1.0.0)
    package42605 (1.0.0)
    package42606 (1.0.0)
    package42607 (1.0.0)
    package42608 (1.0.0)
    package42609 (1.0.0)
    package42610 (1.0.0)
    package42611 (1.0.0)
    package42612 (1.0.0)
    package42613 (1.0.0)
    package42614 (1.0.0)
    package42615 (1.0.0)
    package42616 (1.0.0)
    package42617 (1.0.0)
    package42618 (1.0.0)
    package42619 (1.0.0)
    package42620 (1.0.0)
    package42621 (1.0.0)
    package42622 (1.0.0)
    package42623 (1.0.0)
    package42624 (1.0.0)
    package42625 (1.0.0)
    package42626 (1.0.0)
    package42627 (1.0.0)
    package42628 (1.0.0)
    package42629 (1.0.0)
    package42630 (1.0.0)
    package42631 (1.0.0)
    package42632 (1.0.0)
    package42633 (1.0.0)
    package42634 (1.0.0)
    package42635 (1.0.0)
    package42636 (1.0.0)
    package42637 (1.0.0)
    package42638 (1.0.0)
    package42639 (1.0.0)
    package42640 (1.0.0)
    package42641 (1.0.0)
    package42642 (1.0.0)
    package42643 (1.0.0)
    package42644 (1.0.0)
    package42645 (1.0.0)
    package42646 (1.0.0)
    package42647 (1.0.0)
    package42648 (1.0.0)
    package42649 (1.0.0)
    package42650 (1.0.0)
    package42651 (1.0.0)
    package42652 (1.0.0)
    package42653 (1.0.0)
    package42654 (1.0.0)
    package42655 (1.0.0)
    package42656 (1.0.0)
    package42657 (1.0.0)
    package42658 (1.0.0)
    package42659 (1.0.0)
    package42660 (1.0.0)
    package42661 (1.0.0)
    package42662 (1.0.0)
    package42663 (1.0.0)
    package42664 (1.0.0)
    package42665 (1.0.0)
    package42666 (1.0.0)
    package42667 (1.0.0)
    package42668 (1.0.0)
    package42669 (1.0.0)
    package42670 (1.0.0)
    package42671 (1.0.0)
    package42672 (1.0.0)
    package42673 (1.0.0)
    package42674 (1.0.0)
    package42675 (1.0.0)
    package42676 (1.0.0)
    package42677 (1.0.0)
    package42678 (1.0.0)
    package42679 (1.0.0)
    package42680 (1.0.0)
    package42681 (1.0.0)
    package42682 (1.0.0)
    package42683 (1.0.0)
    package42684 (1.0.0)
    package42685 (1.0.0)
    package42686 (1.0.0)
    package42687 (1.0.0)
    package42688 (1.0.0)
    package42689 (1.0.0)
    package42690 (1.0.0)
    package42691 (1.0.0)
    package42692 (1.0.0)
    package42693 (1.0.0)
    package42694 (1.0.0)
    package42695 (1.0.0)
    package42696 (1.0.0)
    package42697 (1.0.0)
    package42698 (1.0.0)
    package42699 (1.0.0)
    package42700 (1.0.0)
    package42701 (1.0.0)
    package42702 (1.0.0)
    package42703 (1.0.0)
    package42704 (1.0.0)
    package42705 (1.0.0)
    package42706 (1.0.0)
    package42707 (1.0.0)
    package42708 (1.0.0)
    package42709 (1.0.0)
    package42710 (1.0.0)
    package42711 (1.0.0)
    package42712 (1.0.0)
    package42713 (1.0.0)
    package42714 (1.0.0)
    package42715 (1.0.0)
    package42716 (1.0.0)
    package42717 (1.0.0)
    package42718 (1.0.0)
    package42719 (1.0.0)
    package42720 (1.0.0)
    package42721 (1.0.0)
    package42722 (1.0.0)
    package42723 (1.0.0)
    package42724 (1.0.0)
    package42725 (1.0.0)
    package42726 (1.0.0)
    package42727 (1.0.0)
    package42728 (1.0.0)
    package42729 (1.0.0)
    package42730 (1.0.0)
    package42731 (1.0.0)
    package42732 (1.0.0)
    package42733 (1.0.0)
    package42734 (1.0.0)
    package42735 (1.0.0)
    package42736 (1.0.0)
    package42737 (1.0.0)
    package42738 (1.0.0)
    package42739 (1.0.0)
    package42740 (1.0.0)
    package42741 (1.0.0)
    package42742 (1.0.0)
    package42743 (1.0.0)
    package42744 (1.0.0)
    package42745 (1.0.0)
    package42746 (1.0.0)
    package42747 (1.0.0)
    package42748 (1.0.0)
    package42749 (1.0.0)
    package42750 (1.0.0)
    package42751 (1.0.0)
    package42752 (1.0.0)
    package42753 (1.0.0)
    package42754 (1.0.0)
    package42755 (1.0.0)
    package42756 (1.0.0)
    package42757 (1.0.0)
    package42758 (1.0.0)
    package42759 (1.0.0)
    package42760 (1.0.0)
    package42761 (1.0.0)
    package42762 (1.0.0)
    package42763 (1.0.0)
    package42764 (1.0.0)
    package42765 (1.0.0)
    package42766 (1.0.0)
    package42767 (1.0.0)
    package42768 (1.0.0)
    package42769 (1.0.0)
    package42770 (1.0.0)
    package42771 (1.0.0)
    package42772 (1.0.0)
    package42773 (1.0.0)
    package42774 (1.0.0)
    package42775 (1.0.0)
    package42776 (1.0.0)
    package42777 (1.0.0)
    package42778 (1.0.0)
    package42779 (1.0.0)
    package42780 (1.0.0)
    package42781 (1.0.0)
    package42782 (1.0.0)
    package42783 (1.0.0)
    package42784 (1.0.0)
    package42785 (1.0.0)
    package42786 (1.0.0)
    package42787 (1.0.0)
    package42788 (1.0.0)
    package42789 (1.0.0)
    package42790 (1.0.0)
    package42791 (1.0.0)
    package42792 (1.0.0)
    package42793 (1.0.0)
    package42794 (1.0.0)
    package42795 (1.0.0)
    package42796 (1.0.0)
    package42797 (1.0.0)
    package42798 (1.0.0)
    package42799 (1.0.0)
    package42800 (1.0.0)
    package42801 (1.0.0)
    package42802 (1.0.0)
    package42803 (1.0.0)
    package42804 (1.0.0)
    package42805 (1.0.0)
    package42806 (1.0.0)
    package42807 (1.0.0)
    package42808 (1.0.0)
    package42809 (1.0.0)
    package42810 (1.0.0)
    package42811 (1.0.0)
    package42812 (1.0.0)
    package42813 (1.0.0)
    package42814 (1.0.0)
    package42815 (1.0.0)
    package42816 (1.0.0)
    package42817 (1.0.0)
    package42818 (1.0.0)
    package42819 (1.0.0)
    package42820 (1.0.0)
    package42821 (1.0.0)
    package42822 (1.0.0)
    package42823 (1.0.0)
    package42824 (1.0.0)
    package42825 (1.0.0)
    package42826 (1.0.0)
    package42827 (1.0.0)
    package42828 (1.0.0)
    package42829 (1.0.0)
    package42830 (1.0.0)
    package42831 (1.0.0)
    package42832 (1.0.0)
    package42833 (1.0.0)
    package42834 (1.0.0)
    package42835 (1.0.0)
    package42836 (1.0.0)
    package42837 (1.0.0)
    package42838 (1.0.0)
    package42839 (1.0.0)
    package42840 (1.0.0)
    package42841 (1.0.0)
    package42842 (1.0.0)
    package42843 (1.0.0)
    package42844 (1.0.0)
    package42845 (1.0.0)
    package42846 (1.0.0)
    package42847 (1.0.0)
    package42848 (1.0.0)
    package42849 (1.0.0)
    package42850 (1.0.0)
    package42851 (1.0.0)
    package42852 (1.0.0)
    package42853 (1.0.0)
    package42854 (1.0.0)
    package42855 (1.0.0)
    package42856 (1.0.0)
    package42857 (1.0.0)
    package42858 (1.0.0)
    package42859 (1.0.0)
    package42860 (1.0.0)
    package42861 (1.0.0)
    package42862 (1.0.0)
    package42863 (1.0.0)
    package42864 (1.0.0)
    package42865 (1.0.0)
    package42866 (1.0.0)
    package42867 (1.0.0)
    package42868 (1.0.0)
    package42869 (1.0.0)
    package42870 (1.0.0)
    package42871 (1.0.0)
    package42872 (1.0.0)
    package42873 (1.0.0)
    package42874 (1.0.0)
    package42875 (1.0.0)
    package42876 (1.0.0)
    package42877 (1.0.0)
    package42878 (1.0.0)
    package42879 (1.0.0)
    package42880 (1.0.0)
    package42881 (1.0.0)
    package42882 (1.0.0)
    package42883 (1.0.0)
    package42884 (1.0.0)
    package42885 (1.0.0)
    package42886 (1.0.0)
    package42887 (1.0.0)
    package42888 (1.0.0)
    package42889 (1.0.0)
    package42890 (1.0.0)
    package42891 (1.0.0)
    package42892 (1.0.0)
    package42893 (1.0.0)
    package42894 (1.0.0)
    package42895 (1.0.0)
    package42896 (1.0.0)
    package42897 (1.0.0)
    package42898 (1.0.0)
    package42899 (1.0.0)
    package42900 (1.0.0)
    package42901 (1.0.0)
    package42902 (1.0.0)
    package42903 (1.0.0)
    package42904 (1.0.0)
    package42905 (1.0.0)
    package42906 (1.0.0)
    package42907 (1.0.0)
    package42908 (1.0.0)
    package42909 (1.0.0)
    package42910 (1.0.0)
    package42911 (1.0.0)
    package42912 (1.0.0)
    package42913 (1.0.0)
    package42914 (1.0.0)
    package42915 (1.0.0)
    package42916 (1.0.0)
    package42917 (1.0.0)
    package42918 (1.0.0)
    package42919 (1.0.0)
    package42920 (1.0.0)
    package42921 (1.0.0)
    package42922 (1.0.0)
    package42923 (1.0.0)
    package42924 (1.0.0)
    package42925 (1.0.0)
    package42926 (1.0.0)
    package42927 (1.0.0)
    package42928 (1.0.0)
    package42929 (1.0.0)
    package42930 (1.0.0)
    package42931 (1.0.0)
    package42932 (1.0.0)
    package42933 (1.0.0)
    package42934 (1.0.0)
    package42935 (1.0.0)
    package42936 (1.0.0)
    package42937 (1.0.0)
    package42938 (1.0.0)
    package42939 (1.0.0)
    package42940 (1.0.0)
    package42941 (1.0.0)
    package42942 (1.0.0)
    package42943 (1.0.0)
    package42944 (1.0.0)
    package42945 (1.0.0)
    package42946 (1.0.0)
    package42947 (1.0.0)
    package42948 (1.0.0)
    package42949 (1.0.0)
    package42950 (1.0.0)
    package42951 (1.0.0)
    package42952 (1.0.0)
    package42953 (1.0.0)
    package42954 (1.0.0)
    package42955 (1.0.0)
    package42956 (1.0.0)
    package42957 (1.0.0)
    package42958 (1.0.0)
    package42959 (1.0.0)
    package42960 (1.0.0)
    package42961 (1.0.0)
    package42962 (1.0.0)
    package42963 (1.0.0)
    package42964 (1.0.0)
    package42965 (1.0.0)
    package42966 (1.0.0)
    package42967 (1.0.0)
    package42968 (1.0.0)
    package42969 (1.0.0)
    package42970 (1.0.0)
    package42971 (1.0.0)
    package42972 (1.0.0)
    package42973 (1.0.0)
    package42974 (1.0.0)
    package42975 (1.0.0)
    package42976 (1.0.0)
    package42977 (1.0.0)
    package42978 (1.0.0)
    package42979 (1.0.0)
    package42980 (1.0.0)
    package42981 (1.0.0)
    package42982 (1.0.0)
    package42983 (1.0.0)
    package42984 (1.0.0)
    package42985 (1.0.0)
    package42986 (1.0.0)
    package42987 (1.0.0)
    package42988 (1.0.0)
    package42989 (1.0.0)
    package42990 (1.0.0)
    package42991 (1.0.0)
    package42992 (1.0.0)
    package42993 (1.0.0)
    package42994 (1.0.0)
    package42995 (1.0.0)
    package42996 (1.0.0)
    package42997 (1.0.0)
    package42998 (1.0.0)
    package42999 (1.0.0)
    package43000 (1.0.0)
    package43001 (1.0.0)
    package43002 (1.0.0)
    package43003 (1.0.0)
    package43004 (1.0.0)
    package43005 (1.0.0)
    package43006 (1.0.0)
    package43007 (1.0.0)
    package43008 (1.0.0)
    package43009 (1.0.0)
    package43010 (1.0.0)
    package43011 (1.0.0)
    package43012 (1.0.0)
    package43013 (1.0.0)
    package43014 (1.0.0)
    package43015 (1.0.0)
    package43016 (1.0.0)
    package43017 (1.0.0)
    package43018 (1.0.0)
    package43019 (1.0.0)
    package43020 (1.0.0)
    package43021 (1.0.0)
    package43022 (1.0.0)
    package43023 (1.0.0)
    package43024 (1.0.0)
    package43025 (1.0.0)
    package43026 (1.0.0)
    package43027 (1.0.0)
    package43028 (1.0.0)
    package43029 (1.0.0)
    package43030 (1.0.0)
    package43031 (1.0.0)
    package43032 (1.0.0)
    package43033 (1.0.0)
    package43034 (1.0.0)
    package43035 (1.0.0)
    package43036 (1.0.0)
    package43037 (1.0.0)
    package43038 (1.0.0)
    package43039 (1.0.0)
    package43040 (1.0.0)
    package43041 (1.0.0)
    package43042 (1.0.0)
    package43043 (1.0.0)
    package43044 (1.0.0)
    package43045 (1.0.0)
    package43046 (1.0.0)
    package43047 (1.0.0)
    package43048 (1.0.0)
    package43049 (1.0.0)
    package43050 (1.0.0)
    package43051 (1.0.0)
    package43052 (1.0.0)
    package43053 (1.0.0)
    package43054 (1.0.0)
    package43055 (1.0.0)
    package43056 (1.0.0)
    package43057 (1.0.0)
    package43058 (1.0.0)
    package43059 (1.0.0)
    package43060 (1.0.0)
    package43061 (1.0.0)
    package43062 (1.0.0)
    package43063 (1.0.0)
    package43064 (1.0.0)
    package43065 (1.0.0)
    package43066 (1.0.0)
    package43067 (1.0.0)
    package43068 (1.0.0)
    package43069 (1.0.0)
    package43070 (1.0.0)
    package43071 (1.0.0)
    package43072 (1.0.0)
    package43073 (1.0.0)
    package43074 (1.0.0)
    package43075 (1.0.0)
    package43076 (1.0.0)
    package43077 (1.0.0)
    package43078 (1.0.0)
    package43079 (1.0.0)
    package43080 (1.0.0)
    package43081 (1.0.0)
    package43082 (1.0.0)
    package43083 (1.0.0)
    package43084 (1.0.0)
    package43085 (1.0.0)
    package43086 (1.0.0)
    package43087 (1.0.0)
    package43088 (1.0.0)
    package43089 (1.0.0)
    package43090 (1.0.0)
    package43091 (1.0.0)
    package43092 (1.0.0)
    package43093 (1.0.0)
    package43094 (1.0.0)
    package43095 (1.0.0)
    package43096 (1.0.0)
    package43097 (1.0.0)
    package43098 (1.0.0)
    package43099 (1.0.0)
    package43100 (1.0.0)
    package43101 (1.0.0)
    package43102 (1.0.0)
    package43103 (1.0.0)
    package43104 (1.0.0)
    package43105 (1.0.0)
    package43106 (1.0.0)
    package43107 (1.0.0)
    package43108 (1.0.0)
    package43109 (1.0.0)
    package43110 (1.0.0)
    package43111 (1.0.0)
    package43112 (1.0.0)
    package43113 (1.0.0)
    package43114 (1.0.0)
    package43115 (1.0.0)
    package43116 (1.0.0)
    package43117 (1.0.0)
    package43118 (1.0.0)
    package43119 (1.0.0)
    package43120 (1.0.0)
    package43121 (1.0.0)
    package43122 (1.0.0)
    package43123 (1.0.0)
    package43124 (1.0.0)
    package43125 (1.0.0)
    package43126 (1.0.0)
    package43127 (1.0.0)
    package43128 (1.0.0)
    package43129 (1.0.0)
    package43130 (1.0.0)
    package43131 (1.0.0)
    package43132 (1.0.0)
    package43133 (1.0.0)
    package43134 (1.0.0)
    package43135 (1.0.0)
    package43136 (1.0.0)
    package43137 (1.0.0)
    package43138 (1.0.0)
    package43139 (1.0.0)
    package43140 (1.0.0)
    package43141 (1.0.0)
    package43142 (1.0.0)
    package43143 (1.0.0)
    package43144 (1.0.0)
    package43145 (1.0.0)
    package43146 (1.0.0)
    package43147 (1.0.0)
    package43148 (1.0.0)
    package43149 (1.0.0)
    package43150 (1.0.0)
    package43151 (1.0.0)
    package43152 (1.0.0)
    package43153 (1.0.0)
    package43154 (1.0.0)
    package43155 (1.0.0)
    package43156 (1.0.0)
    package43157 (1.0.0)
    package43158 (1.0.0)
    package43159 (1.0.0)
    package43160 (1.0.0)
    package43161 (1.0.0)
    package43162 (1.0.0)
    package43163 (1.0.0)
    package43164 (1.0.0)
    package43165 (1.0.0)
    package43166 (1.0.0)
    package43167 (1.0.0)
    package43168 (1.0.0)
    package43169 (1.0.0)
    package43170 (1.0.0)
    package43171 (1.0.0)
    package43172 (1.0.0)
    package43173 (1.0.0)
    package43174 (1.0.0)
    package43175 (1.0.0)
    package43176 (1.0.0)
    package43177 (1.0.0)
    package43178 (1.0.0)
    package43179 (1.0.0)
    package43180 (1.0.0)
    package43181 (1.0.0)
    package43182 (1.0.0)
    package43183 (1.0.0)
    package43184 (1.0.0)
    package43185 (1.0.0)
    package43186 (1.0.0)
    package43187 (1.0.0)
    package43188 (1.0.0)
    package43189 (1.0.0)
    package43190 (1.0.0)
    package43191 (1.0.0)
    package43192 (1.0.0)
    package43193 (1.0.0)
    package43194 (1.0.0)
    package43195 (1.0.0)
    package43196 (1.0.0)
    package43197 (1.0.0)
    package43198 (1.0.0)
    package43199 (1.0.0)
    package43200 (1.0.0)
    package43201 (1.0.0)
    package43202 (1.0.0)
    package43203 (1.0.0)
    package43204 (1.0.0)
    package43205 (1.0.0)
    package43206 (1.0.0)
    package43207 (1.0.0)
    package43208 (1.0.0)
    package43209 (1.0.0)
    package43210 (1.0.0)
    package43211 (1.0.0)
    package43212 (1.0.0)
    package43213 (1.0.0)
    package43214 (1.0.0)
    package43215 (1.0.0)
    package43216 (1.0.0)
    package43217 (1.0.0)
    package43218 (1.0.0)
    package43219 (1.0.0)
    package43220 (1.0.0)
    package43221 (1.0.0)
    package43222 (1.0.0)
    package43223 (1.0.0)
    package43224 (1.0.0)
    package43225 (1.0.0)
    package43226 (1.0.0)
    package43227 (1.0.0)
    package43228 (1.0.0)
    package43229 (1.0.0)
    package43230 (1.0.0)
    package43231 (1.0.0)
    package43232 (1.0.0)
    package43233 (1.0.0)
    package43234 (1.0.0)
    package43235 (1.0.0)
    package43236 (1.0.0)
    package43237 (1.0.0)
    package43238 (1.0.0)
    package43239 (1.0.0)
    package43240 (1.0.0)
    package43241 (1.0.0)
    package43242 (1.0.0)
    package43243 (1.0.0)
    package43244 (1.0.0)
    package43245 (1.0.0)
    package43246 (1.0.0)
    package43247 (1.0.0)
    package43248 (1.0.0)
    package43249 (1.0.0)
    package43250 (1.0.0)
    package43251 (1.0.0)
    package43252 (1.0.0)
    package43253 (1.0.0)
    package43254 (1.0.0)
    package43255 (1.0.0)
    package43256 (1.0.0)
    package43257 (1.0.0)
    package43258 (1.0.0)
    package43259 (1.0.0)
    package43260 (1.0.0)
    package43261 (1.0.0)
    package43262 (1.0.0)
    package43263 (1.0.0)
    package43264 (1.0.0)
    package43265 (1.0.0)
    package43266 (1.0.0)
    package43267 (1.0.0)
    package43268 (1.0.0)
    package43269 (1.0.0)
    package43270 (1.0.0)
    package43271 (1.0.0)
    package43272 (1.0.0)
    package43273 (1.0.0)
    package43274 (1.0.0)
    package43275 (1.0.0)
    package43276 (1.0.0)
    package43277 (1.0.0)
    package43278 (1.0.0)
    package43279 (1.0.0)
    package43280 (1.0.0)
    package43281 (1.0.0)
    package43282 (1.0.0)
    package43283 (1.0.0)
    package43284 (1.0.0)
    package43285 (1.0.0)
    package43286 (1.0.0)
    package43287 (1.0.0)
    package43288 (1.0.0)
    package43289 (1.0.0)
    package43290 (1.0.0)
    package43291 (1.0.0)
    package43292 (1.0.0)
    package43293 (1.0.0)
    package43294 (1.0.0)
    package43295 (1.0.0)
    package43296 (1.0.0)
    package43297 (1.0.0)
    package43298 (1.0.0)
    package43299 (1.0.0)
    package43300 (1.0.0)
    package43301 (1.0.0)
    package43302 (1.0.0)
    package43303 (1.0.0)
    package43304 (1.0.0)
    package43305 (1.0.0)
    package43306 (1.0.0)
    package43307 (1.0.0)
    package43308 (1.0.0)
    package43309 (1.0.0)
    package43310 (1.0.0)
    package43311 (1.0.0)
    package43312 (1.0.0)
    package43313 (1.0.0)
    package43314 (1.0.0)
    package43315 (1.0.0)
    package43316 (1.0.0)
    package43317 (1.0.0)
    package43318 (1.0.0)
    package43319 (1.0.0)
    package43320 (1.0.0)
    package43321 (1.0.0)
    package43322 (1.0.0)
    package43323 (1.0.0)
    package43324 (1.0.0)
    package43325 (1.0.0)
    package43326 (1.0.0)
    package43327 (1.0.0)
    package43328 (1.0.0)
    package43329 (1.0.0)
    package43330 (1.0.0)
    package43331 (1.0.0)
    package43332 (1.0.0)
    package43333 (1.0.0)
    package43334 (1.0.0)
    package43335 (1.0.0)
    package43336 (1.0.0)
    package43337 (1.0.0)
    package43338 (1.0.0)
    package43339 (1.0.0)
    package43340 (1.0.0)
    package43341 (1.0.0)
    package43342 (1.0.0)
    package43343 (1.0.0)
    package43344 (1.0.0)
    package43345 (1.0.0)
    package43346 (1.0.0)
    package43347 (1.0.0)
    package43348 (1.0.0)
    package43349 (1.0.0)
    package43350 (1.0.0)
    package43351 (1.0.0)
    package43352 (1.0.0)
    package43353 (1.0.0)
    package43354 (1.0.0)
    package43355 (1.0.0)
    package43356 (1.0.0)
    package43357 (1.0.0)
    package43358 (1.0.0)
    package43359 (1.0.0)
    package43360 (1.0.0)
    package43361 (1.0.0)
    package43362 (1.0.0)
    package43363 (1.0.0)
    package43364 (1.0.0)
    package43365 (1.0.0)
    package43366 (1.0.0)
    package43367 (1.0.0)
    package43368 (1.0.0)
    package43369 (1.0.0)
    package43370 (1.0.0)
    package43371 (1.0.0)
    package43372 (1.0.0)
    package43373 (1.0.0)
    package43374 (1.0.0)
    package43375 (1.0.0)
    package43376 (1.0.0)
    package43377 (1.0.0)
    package43378 (1.0.0)
    package43379 (1.0.0)
    package43380 (1.0.0)
    package43381 (1.0.0)
    package43382 (1.0.0)
    package43383 (1.0.0)
    package43384 (1.0.0)
    package43385 (1.0.0)
    package43386 (1.0.0)
    package43387 (1.0.0)
    package43388 (1.0.0)
    package43389 (1.0.0)
    package43390 (1.0.0)
    package43391 (1.0.0)
    package43392 (1.0.0)
    package43393 (1.0.0)
    package43394 (1.0.0)
    package43395 (1.0.0)
    package43396 (1.0.0)
    package43397 (1.0.0)
    package43398 (1.0.0)
    package43399 (1.0.0)
    package43400 (1.0.0)
    package43401 (1.0.0)
    package43402 (1.0.0)
    package43403 (1.0.0)
    package43404 (1.0.0)
    package43405 (1.0.0)
    package43406 (1.0.0)
    package43407 (1.0.0)
    package43408 (1.0.0)
    package43409 (1.0.0)
    package43410 (1.0.0)
    package43411 (1.0.0)
    package43412 (1.0.0)
    package43413 (1.0.0)
    package43414 (1.0.0)
    package43415 (1.0.0)
    package43416 (1.0.0)
    package43417 (1.0.0)
    package43418 (1.0.0)
    package43419 (1.0.0)
    package43420 (1.0.0)
    package43421 (1.0.0)
    package43422 (1.0.0)
    package43423 (1.0.0)
    package43424 (1.0.0)
    package43425 (1.0.0)
    package43426 (1.0.0)
    package43427 (1.0.0)
    package43428 (1.0.0)
    package43429 (1.0.0)
    package43430 (1.0.0)
    package43431 (1.0.0)
    package43432 (1.0.0)
    package43433 (1.0.0)
    package43434 (1.0.0)
    package43435 (1.0.0)
    package43436 (1.0.0)
    package43437 (1.0.0)
    package43438 (1.0.0)
    package43439 (1.0.0)
    package43440 (1.0.0)
    package43441 (1.0.0)
    package43442 (1.0.0)
    package43443 (1.0.0)
    package43444 (1.0.0)
    package43445 (1.0.0)
    package43446 (1.0.0)
    package43447 (1.0.0)
    package43448 (1.0.0)
    package43449 (1.0.0)
    package43450 (1.0.0)
    package43451 (1.0.0)
    package43452 (1.0.0)
    package43453 (1.0.0)
    package43454 (1.0.0)
    package43455 (1.0.0)
    package43456 (1.0.0)
    package43457 (1.0.0)
    package43458 (1.0.0)
    package43459 (1.0.0)
    package43460 (1.0.0)
    package43461 (1.0.0)
    package43462 (1.0.0)
    package43463 (1.0.0)
    package43464 (1.0.0)
    package43465 (1.0.0)
    package43466 (1.0.0)
    package43467 (1.0.0)
    package43468 (1.0.0)
    package43469 (1.0.0)
    package43470 (1.0.0)
    package43471 (1.0.0)
    package43472 (1.0.0)
    package43473 (1.0.0)
    package43474 (1.0.0)
    package43475 (1.0.0)
    package43476 (1.0.0)
    package43477 (1.0.0)
    package43478 (1.0.0)
    package43479 (1.0.0)
    package43480 (1.0.0)
    package43481 (1.0.0)
    package43482 (1.0.0)
    package43483 (1.0.0)
    package43484 (1.0.0)
    package43485 (1.0.0)
    package43486 (1.0.0)
    package43487 (1.0.0)
    package43488 (1.0.0)
    package43489 (1.0.0)
    package43490 (1.0.0)
    package43491 (1.0.0)
    package43492 (1.0.0)
    package43493 (1.0.0)
    package43494 (1.0.0)
    package43495 (1.0.0)
    package43496 (1.0.0)
    package43497 (1.0.0)
    package43498 (1.0.0)
    package43499 (1.0.0)
    package43500 (1.0.0)
    package43501 (1.0.0)
    package43502 (1.0.0)
    package43503 (1.0.0)
    package43504 (1.0.0)
    package43505 (1.0.0)
    package43506 (1.0.0)
    package43507 (1.0.0)
    package43508 (1.0.0)
    package43509 (1.0.0)
    package43510 (1.0.0)
    package43511 (1.0.0)
    package43512 (1.0.0)
    package43513 (1.0.0)
    package43514 (1.0.0)
    package43515 (1.0.0)
    package43516 (1.0.0)
    package43517 (1.0.0)
    package43518 (1.0.0)
    package43519 (1.0.0)
    package43520 (1.0.0)
    package43521 (1.0.0)
    package43522 (1.0.0)
    package43523 (1.0.0)
    package43524 (1.0.0)
    package43525 (1.0.0)
    package43526 (1.0.0)
    package43527 (1.0.0)
    package43528 (1.0.0)
    package43529 (1.0.0)
    package43530 (1.0.0)
    package43531 (1.0.0)
    package43532 (1.0.0)
    package43533 (1.0.0)
    package43534 (1.0.0)
    package43535 (1.0.0)
    package43536 (1.0.0)
    package43537 (1.0.0)
    package43538 (1.0.0)
    package43539 (1.0.0)
    package43540 (1.0.0)
    package43541 (1.0.0)
    package43542 (1.0.0)
    package43543 (1.0.0)
    package43544 (1.0.0)
    package43545 (1.0.0)
    package43546 (1.0.0)
    package43547 (1.0.0)
    package43548 (1.0.0)
    package43549 (1.0.0)
    package43550 (1.0.0)
    package43551 (1.0.0)
    package43552 (1.0.0)
    package43553 (1.0.0)
    package43554 (1.0.0)
    package43555 (1.0.0)
    package43556 (1.0.0)
    package43557 (1.0.0)
    package43558 (1.0.0)
    package43559 (1.0.0)
    package43560 (1.0.0)
    package43561 (1.0.0)
    package43562 (1.0.0)
    package43563 (1.0.0)
    package43564 (1.0.0)
    package43565 (1.0.0)
    package43566 (1.0.0)
    package43567 (1.0.0)
    package43568 (1.0.0)
    package43569 (1.0.0)
    package43570 (1.0.0)
    package43571 (1.0.0)
    package43572 (1.0.0)
    package43573 (1.0.0)
    package43574 (1.0.0)
    package43575 (1.0.0)
    package43576 (1.0.0)
    package43577 (1.0.0)
    package43578 (1.0.0)
    package43579 (1.0.0)
    package43580 (1.0.0)
    package43581 (1.0.0)
    package43582 (1.0.0)
    package43583 (1.0.0)
    package43584 (1.0.0)
    package43585 (1.0.0)
    package43586 (1.0.0)
    package43587 (1.0.0)
    package43588 (1.0.0)
    package43589 (1.0.0)
    package43590 (1.0.0)
    package43591 (1.0.0)
    package43592 (1.0.0)
    package43593 (1.0.0)
    package43594 (1.0.0)
    package43595 (1.0.0)
    package43596 (1.0.0)
    package43597 (1.0.0)
    package43598 (1.0.0)
    package43599 (1.0.0)
    package43600 (1.0.0)
    package43601 (1.0.0)
    package43602 (1.0.0)
    package43603 (1.0.0)
    package43604 (1.0.0)
    package43605 (1.0.0)
    package43606 (1.0.0)
    package43607 (1.0.0)
    package43608 (1.0.0)
    package43609 (1.0.0)
    package43610 (1.0.0)
    package43611 (1.0.0)
    package43612 (1.0.0)
    package43613 (1.0.0)
    package43614 (1.0.0)
    package43615 (1.0.0)
    package43616 (1.0.0)
    package43617 (1.0.0)
    package43618 (1.0.0)
    package43619 (1.0.0)
    package43620 (1.0.0)
    package43621 (1.0.0)
    package43622 (1.0.0)
    package43623 (1.0.0)
    package43624 (1.0.0)
    package43625 (1.0.0)
    package43626 (1.0.0)
    package43627 (1.0.0)
    package43628 (1.0.0)
    package43629 (1.0.0)
    package43630 (1.0.0)
    package43631 (1.0.0)
    package43632 (1.0.0)
    package43633 (1.0.0)
    package43634 (1.0.0)
    package43635 (1.0.0)
    package43636 (1.0.0)
    package43637 (1.0.0)
    package43638 (1.0.0)
    package43639 (1.0.0)
    package43640 (1.0.0)
    package43641 (1.0.0)
    package43642 (1.0.0)
    package43643 (1.0.0)
    package43644 (1.0.0)
    package43645 (1.0.0)
    package43646 (1.0.0)
    package43647 (1.0.0)
    package43648 (1.0.0)
    package43649 (1.0.0)
    package43650 (1.0.0)
    package43651 (1.0.0)
    package43652 (1.0.0)
    package43653 (1.0.0)
    package43654 (1.0.0)
    package43655 (1.0.0)
    package43656 (1.0.0)
    package43657 (1.0.0)
    package43658 (1.0.0)
    package43659 (1.0.0)
    package43660 (1.0.0)
    package43661 (1.0.0)
    package43662 (1.0.0)
    package43663 (1.0.0)
    package43664 (1.0.0)
    package43665 (1.0.0)
    package43666 (1.0.0)
    package43667 (1.0.0)
    package43668 (1.0.0)
    package43669 (1.0.0)
    package43670 (1.0.0)
    package43671 (1.0.0)
    package43672 (1.0.0)
    package43673 (1.0.0)
    package43674 (1.0.0)
    package43675 (1.0.0)
    package43676 (1.0.0)
    package43677 (1.0.0)
    package43678 (1.0.0)
    package43679 (1.0.0)
    package43680 (1.0.0)
    package43681 (1.0.0)
    package43682 (1.0.0)
    package43683 (1.0.0)
    package43684 (1.0.0)
    package43685 (1.0.0)
    package43686 (1.0.0)
    package43687 (1.0.0)
    package43688 (1.0.0)
    package43689 (1.0.0)
    package43690 (1.0.0)
    package43691 (1.0.0)
    package43692 (1.0.0)
    package43693 (1.0.0)
    package43694 (1.0.0)
    package43695 (1.0.0)
    package43696 (1.0.0)
    package43697 (1.0.0)
    package43698 (1.0.0)
    package43699 (1.0.0)
    package43700 (1.0.0)
    package43701 (1.0.0)
    package43702 (1.0.0)
    package43703 (1.0.0)
    package43704 (1.0.0)
    package43705 (1.0.0)
    package43706 (1.0.0)
    package43707 (1.0.0)
    package43708 (1.0.0)
    package43709 (1.0.0)
    package43710 (1.0.0)
    package43711 (1.0.0)
    package43712 (1.0.0)
    package43713 (1.0.0)
    package43714 (1.0.0)
    package43715 (1.0.0)
    package43716 (1.0.0)
    package43717 (1.0.0)
    package43718 (1.0.0)
    package43719 (1.0.0)
    package43720 (1.0.0)
    package43721 (1.0.0)
    package43722 (1.0.0)
    package43723 (1.0.0)
    package43724 (1.0.0)
    package43725 (1.0.0)
    package43726 (1.0.0)
    package43727 (1.0.0)
    package43728 (1.0.0)
    package43729 (1.0.0)
    package43730 (1.0.0)
    package43731 (1.0.0)
    package43732 (1.0.0)
    package43733 (1.0.0)
    package43734 (1.0.0)
    package43735 (1.0.0)
    package43736 (1.0.0)
    package43737 (1.0.0)
    package43738 (1.0.0)
    package43739 (1.0.0)
    package43740 (1.0.0)
    package43741 (1.0.0)
    package43742 (1.0.0)
    package43743 (1.0.0)
    package43744 (1.0.0)
    package43745 (1.0.0)
    package43746 (1.0.0)
    package43747 (1.0.0)
    package43748 (1.0.0)
    package43749 (1.0.0)
    package43750 (1.0.0)
    package43751 (1.0.0)
    package43752 (1.0.0)
    package43753 (1.0.0)
    package43754 (1.0.0)
    package43755 (1.0.0)
    package43756 (1.0.0)
    package43757 (1.0.0)
    package43758 (1.0.0)
    package43759 (1.0.0)
    package43760 (1.0.0)
    package43761 (1.0.0)
    package43762 (1.0.0)
    package43763 (1.0.0)
    package43764 (1.0.0)
    package43765 (1.0.0)
    package43766 (1.0.0)
    package43767 (1.0.0)
    package43768 (1.0.0)
    package43769 (1.0.0)
    package43770 (1.0.0)
    package43771 (1.0.0)
    package43772 (1.0.0)
    package43773 (1.0.0)
    package43774 (1.0.0)
    package43775 (1.0.0)
    package43776 (1.0.0)
    package43777 (1.0.0)
    package43778 (1.0.0)
    package43779 (1.0.0)
    package43780 (1.0.0)
    package43781 (1.0.0)
    package43782 (1.0.0)
    package43783 (1.0.0)
    package43784 (1.0.0)
    package43785 (1.0.0)
    package43786 (1.0.0)
    package43787 (1.0.0)
    package43788 (1.0.0)
    package43789 (1.0.0)
    package43790 (1.0.0)
    package43791 (1.0.0)
    package43792 (1.0.0)
    package43793 (1.0.0)
    package43794 (1.0.0)
    package43795 (1.0.0)
    package43796 (1.0.0)
    package43797 (1.0.0)
    package43798 (1.0.0)
    package43799 (1.0.0)
    package43800 (1.0.0)
    package43801 (1.0.0)
    package43802 (1.0.0)
    package43803 (1.0.0)
    package43804 (1.0.0)
    package43805 (1.0.0)
    package43806 (1.0.0)
    package43807 (1.0.0)
    package43808 (1.0.0)
    package43809 (1.0.0)
    package43810 (1.0.0)
    package43811 (1.0.0)
    package43812 (1.0.0)
    package43813 (1.0.0)
    package43814 (1.0.0)
    package43815 (1.0.0)
    package43816 (1.0.0)
    package43817 (1.0.0)
    package43818 (1.0.0)
    package43819 (1.0.0)
    package43820 (1.0.0)
    package43821 (1.0.0)
    package43822 (1.0.0)
    package43823 (1.0.0)
    package43824 (1.0.0)
    package43825 (1.0.0)
    package43826 (1.0.0)
    package43827 (1.0.0)
    package43828 (1.0.0)
    package43829 (1.0.0)
    package43830 (1.0.0)
    package43831 (1.0.0)
    package43832 (1.0.0)
    package43833 (1.0.0)
    package43834 (1.0.0)
    package43835 (1.0.0)
    package43836 (1.0.0)
    package43837 (1.0.0)
    package43838 (1.0.0)
    package43839 (1.0.0)
    package43840 (1.0.0)
    package43841 (1.0.0)
    package43842 (1.0.0)
    package43843 (1.0.0)
    package43844 (1.0.0)
    package43845 (1.0.0)
    package43846 (1.0.0)
    package43847 (1.0.0)
    package43848 (1.0.0)
    package43849 (1.0.0)
    package43850 (1.0.0)
    package43851 (1.0.0)
    package43852 (1.0.0)
    package43853 (1.0.0)
    package43854 (1.0.0)
    package43855 (1.0.0)
    package43856 (1.0.0)
    package43857 (1.0.0)
    package43858 (1.0.0)
    package43859 (1.0.0)
    package43860 (1.0.0)
    package43861 (1.0.0)
    package43862 (1.0.0)
    package43863 (1.0.0)
    package43864 (1.0.0)
    package43865 (1.0.0)
    package43866 (1.0.0)
    package43867 (1.0.0)
    package43868 (1.0.0)
    package43869 (1.0.0)
    package43870 (1.0.0)
    package43871 (1.0.0)
    package43872 (1.0.0)
    package43873 (1.0.0)
    package43874 (1.0.0)
    package43875 (1.0.0)
    package43876 (1.0.0)
    package43877 (1.0.0)
    package43878 (1.0.0)
    package43879 (1.0.0)
    package43880 (1.0.0)
    package43881 (1.0.0)
    package43882 (1.0.0)
    package43883 (1.0.0)
    package43884 (1.0.0)
    package43885 (1.0.0)
    package43886 (1.0.0)
    package43887 (1.0.0)
    package43888 (1.0.0)
    package43889 (1.0.0)
    package43890 (1.0.0)
    package43891 (1.0.0)
    package43892 (1.0.0)
    package43893 (1.0.0)
    package43894 (1.0.0)
    package43895 (1.0.0)
    package43896 (1.0.0)
    package43897 (1.0.0)
    package43898 (1.0.0)
    package43899 (1.0.0)
    package43900 (1.0.0)
    package43901 (1.0.0)
    package43902 (1.0.0)
    package43903 (1.0.0)
    package43904 (1.0.0)
    package43905 (1.0.0)
    package43906 (1.0.0)
    package43907 (1.0.0)
    package43908 (1.0.0)
    package43909 (1.0.0)
    package43910 (1.0.0)
    package43911 (1.0.0)
    package43912 (1.0.0)
    package43913 (1.0.0)
    package43914 (1.0.0)
    package43915 (1.0.0)
    package43916 (1.0.0)
    package43917 (1.0.0)
    package43918 (1.0.0)
    package43919 (1.0.0)
    package43920 (1.0.0)
    package43921 (1.0.0)
    package43922 (1.0.0)
    package43923 (1.0.0)
    package43924 (1.0.0)
    package43925 (1.0.0)
    package43926 (1.0.0)
    package43927 (1.0.0)
    package43928 (1.0.0)
    package43929 (1.0.0)
    package43930 (1.0.0)
    package43931 (1.0.0)
    package43932 (1.0.0)
    package43933 (1.0.0)
    package43934 (1.0.0)
    package43935 (1.0.0)
    package43936 (1.0.0)
    package43937 (1.0.0)
    package43938 (1.0.0)
    package43939 (1.0.0)
    package43940 (1.0.0)
    package43941 (1.0.0)
    package43942 (1.0.0)
    package43943 (1.0.0)
    package43944 (1.0.0)
    package43945 (1.0.0)
    package43946 (1.0.0)
    package43947 (1.0.0)
    package43948 (1.0.0)
    package43949 (1.0.0)
    package43950 (1.0.0)
    package43951 (1.0.0)
    package43952 (1.0.0)
    package43953 (1.0.0)
    package43954 (1.0.0)
    package43955 (1.0.0)
    package43956 (1.0.0)
    package43957 (1.0.0)
    package43958 (1.0.0)
    package43959 (1.0.0)
    package43960 (1.0.0)
    package43961 (1.0.0)
    package43962 (1.0.0)
    package43963 (1.0.0)
    package43964 (1.0.0)
    package43965 (1.0.0)
    package43966 (1.0.0)
    package43967 (1.0.0)
    package43968 (1.0.0)
    package43969 (1.0.0)
    package43970 (1.0.0)
    package43971 (1.0.0)
    package43972 (1.0.0)
    package43973 (1.0.0)
    package43974 (1.0.0)
    package43975 (1.0.0)
    package43976 (1.0.0)
    package43977 (1.0.0)
    package43978 (1.0.0)
    package43979 (1.0.0)
    package43980 (1.0.0)
    package43981 (1.0.0)
    package43982 (1.0.0)
    package43983 (1.0.0)
    package43984 (1.0.0)
    package43985 (1.0.0)
    package43986 (1.0.0)
    package43987 (1.0.0)
    package43988 (1.0.0)
    package43989 (1.0.0)
    package43990 (1.0.0)
    package43991 (1.0.0)
    package43992 (1.0.0)
    package43993 (1.0.0)
    package43994 (1.0.0)
    package43995 (1.0.0)
    package43996 (1.0.0)
    package43997 (1.0.0)
    package43998 (1.0.0)
    package43999 (1.0.0)
    package44000 (1.0.0)
    package44001 (1.0.0)
    package44002 (1.0.0)
    package44003 (1.0.0)
    package44004 (1.0.0)
    package44005 (1.0.0)
    package44006 (1.0.0)
    package44007 (1.0.0)
    package44008 (1.0.0)
    package44009 (1.0.0)
    package44010 (1.0.0)
    package44011 (1.0.0)
    package44012 (1.0.0)
    package44013 (1.0.0)
    package44014 (1.0.0)
    package44015 (1.0.0)
    package44016 (1.0.0)
    package44017 (1.0.0)
    package44018 (1.0.0)
    package44019 (1.0.0)
    package44020 (1.0.0)
    package44021 (1.0.0)
    package44022 (1.0.0)
    package44023 (1.0.0)
    package44024 (1.0.0)
    package44025 (1.0.0)
    package44026 (1.0.0)
    package44027 (1.0.0)
    package44028 (1.0.0)
    package44029 (1.0.0)
    package44030 (1.0.0)
    package44031 (1.0.0)
    package44032 (1.0.0)
    package44033 (1.0.0)
    package44034 (1.0.0)
    package44035 (1.0.0)
    package44036 (1.0.0)
    package44037 (1.0.0)
    package44038 (1.0.0)
    package44039 (1.0.0)
    package44040 (1.0.0)
    package44041 (1.0.0)
    package44042 (1.0.0)
    package44043 (1.0.0)
    package44044 (1.0.0)
    package44045 (1.0.0)
    package44046 (1.0.0)
    package44047 (1.0.0)
    package44048 (1.0.0)
    package44049 (1.0.0)
    package44050 (1.0.0)
    package44051 (1.0.0)
    package44052 (1.0.0)
    package44053 (1.0.0)
    package44054 (1.0.0)
    package44055 (1.0.0)
    package44056 (1.0.0)
    package44057 (1.0.0)
    package44058 (1.0.0)
    package44059 (1.0.0)
    package44060 (1.0.0)
    package44061 (1.0.0)
    package44062 (1.0.0)
    package44063 (1.0.0)
    package44064 (1.0.0)
    package44065 (1.0.0)
    package44066 (1.0.0)
    package44067 (1.0.0)
    package44068 (1.0.0)
    package44069 (1.0.0)
    package44070 (1.0.0)
    package44071 (1.0.0)
    package44072 (1.0.0)
    package44073 (1.0.0)
    package44074 (1.0.0)
    package44075 (1.0.0)
    package44076 (1.0.0)
    package44077 (1.0.0)
    package44078 (1.0.0)
    package44079 (1.0.0)
    package44080 (1.0.0)
    package44081 (1.0.0)
    package44082 (1.0.0)
    package44083 (1.0.0)
    package44084 (1.0.0)
    package44085 (1.0.0)
    package44086 (1.0.0)
    package44087 (1.0.0)
    package44088 (1.0.0)
    package44089 (1.0.0)
    package44090 (1.0.0)
    package44091 (1.0.0)
    package44092 (1.0.0)
    package44093 (1.0.0)
    package44094 (1.0.0)
    package44095 (1.0.0)
    package44096 (1.0.0)
    package44097 (1.0.0)
    package44098 (1.0.0)
    package44099 (1.0.0)
    package44100 (1.0.0)
    package44101 (1.0.0)
    package44102 (1.0.0)
    package44103 (1.0.0)
    package44104 (1.0.0)
    package44105 (1.0.0)
    package44106 (1.0.0)
    package44107 (1.0.0)
    package44108 (1.0.0)
    package44109 (1.0.0)
    package44110 (1.0.0)
    package44111 (1.0.0)
    package44112 (1.0.0)
    package44113 (1.0.0)
    package44114 (1.0.0)
    package44115 (1.0.0)
    package44116 (1.0.0)
    package44117 (1.0.0)
    package44118 (1.0.0)
    package44119 (1.0.0)
    package44120 (1.0.0)
    package44121 (1.0.0)
    package44122 (1.0.0)
    package44123 (1.0.0)
    package44124 (1.0.0)
    package44125 (1.0.0)
    package44126 (1.0.0)
    package44127 (1.0.0)
    package44128 (1.0.0)
    package44129 (1.0.0)
    package44130 (1.0.0)
    package44131 (1.0.0)
    package44132 (1.0.0)
    package44133 (1.0.0)
    package44134 (1.0.0)
    package44135 (1.0.0)
    package44136 (1.0.0)
    package44137 (1.0.0)
    package44138 (1.0.0)
    package44139 (1.0.0)
    package44140 (1.0.0)
    package44141 (1.0.0)
    package44142 (1.0.0)
    package44143 (1.0.0)
    package44144 (1.0.0)
    package44145 (1.0.0)
    package44146 (1.0.0)
    package44147 (1.0.0)
    package44148 (1.0.0)
    package44149 (1.0.0)
    package44150 (1.0.0)
    package44151 (1.0.0)
    package44152 (1.0.0)
    package44153 (1.0.0)
    package44154 (1.0.0)
    package44155 (1.0.0)
    package44156 (1.0.0)
    package44157 (1.0.0)
    package44158 (1.0.0)
    package44159 (1.0.0)
    package44160 (1.0.0)
    package44161 (1.0.0)
    package44162 (1.0.0)
    package44163 (1.0.0)
    package44164 (1.0.0)
    package44165 (1.0.0)
    package44166 (1.0.0)
    package44167 (1.0.0)
    package44168 (1.0.0)
    package44169 (1.0.0)
    package44170 (1.0.0)
    package44171 (1.0.0)
    package44172 (1.0.0)
    package44173 (1.0.0)
    package44174 (1.0.0)
    package44175 (1.0.0)
    package44176 (1.0.0)
    package44177 (1.0.0)
    package44178 (1.0.0)
    package44179 (1.0.0)
    package44180 (1.0.0)
    package44181 (1.0.0)
    package44182 (1.0.0)
    package44183 (1.0.0)
    package44184 (1.0.0)
    package44185 (1.0.0)
    package44186 (1.0.0)
    package44187 (1.0.0)
    package44188 (1.0.0)
    package44189 (1.0.0)
    package44190 (1.0.0)
    package44191 (1.0.0)
    package44192 (1.0.0)
    package44193 (1.0.0)
    package44194 (1.0.0)
    package44195 (1.0.0)
    package44196 (1.0.0)
    package44197 (1.0.0)
    package44198 (1.0.0)
    package44199 (1.0.0)
    package44200 (1.0.0)
    package44201 (1.0.0)
    package44202 (1.0.0)
    package44203 (1.0.0)
    package44204 (1.0.0)
    package44205 (1.0.0)
    package44206 (1.0.0)
    package44207 (1.0.0)
    package44208 (1.0.0)
    package44209 (1.0.0)
    package44210 (1.0.0)
    package44211 (1.0.0)
    package44212 (1.0.0)
    package44213 (1.0.0)
    package44214 (1.0.0)
    package44215 (1.0.0)
    package44216 (1.0.0)
    package44217 (1.0.0)
    package44218 (1.0.0)
    package44219 (1.0.0)
    package44220 (1.0.0)
    package44221 (1.0.0)
    package44222 (1.0.0)
    package44223 (1.0.0)
    package44224 (1.0.0)
    package44225 (1.0.0)
    package44226 (1.0.0)
    package44227 (1.0.0)
    package44228 (1.0.0)
    package44229 (1.0.0)
    package44230 (1.0.0)
    package44231 (1.0.0)
    package44232 (1.0.0)
    package44233 (1.0.0)
    package44234 (1.0.0)
    package44235 (1.0.0)
    package44236 (1.0.0)
    package44237 (1.0.0)
    package44238 (1.0.0)
    package44239 (1.0.0)
    package44240 (1.0.0)
    package44241 (1.0.0)
    package44242 (1.0.0)
    package44243 (1.0.0)
    package44244 (1.0.0)
    package44245 (1.0.0)
    package44246 (1.0.0)
    package44247 (1.0.0)
    package44248 (1.0.0)
    package44249 (1.0.0)
    package44250 (1.0.0)
    package44251 (1.0.0)
    package44252 (1.0.0)
    package44253 (1.0.0)
    package44254 (1.0.0)
    package44255 (1.0.0)
    package44256 (1.0.0)
    package44257 (1.0.0)
    package44258 (1.0.0)
    package44259 (1.0.0)
    package44260 (1.0.0)
    package44261 (1.0.0)
    package44262 (1.0.0)
    package44263 (1.0.0)
    package44264 (1.0.0)
    package44265 (1.0.0)
    package44266 (1.0.0)
    package44267 (1.0.0)
    package44268 (1.0.0)
    package44269 (1.0.0)
    package44270 (1.0.0)
    package44271 (1.0.0)
    package44272 (1.0.0)
    package44273 (1.0.0)
    package44274 (1.0.0)
    package44275 (1.0.0)
    package44276 (1.0.0)
    package44277 (1.0.0)
    package44278 (1.0.0)
    package44279 (1.0.0)
    package44280 (1.0.0)
    package44281 (1.0.0)
    package44282 (1.0.0)
    package44283 (1.0.0)
    package44284 (1.0.0)
    package44285 (1.0.0)
    package44286 (1.0.0)
    package44287 (1.0.0)
    package44288 (1.0.0)
    package44289 (1.0.0)
    package44290 (1.0.0)
    package44291 (1.0.0)
    package44292 (1.0.0)
    package44293 (1.0.0)
    package44294 (1.0.0)
    package44295 (1.0.0)
    package44296 (1.0.0)
    package44297 (1.0.0)
    package44298 (1.0.0)
    package44299 (1.0.0)
    package44300 (1.0.0)
    package44301 (1.0.0)
    package44302 (1.0.0)
    package44303 (1.0.0)
    package44304 (1.0.0)
    package44305 (1.0.0)
    package44306 (1.0.0)
    package44307 (1.0.0)
    package44308 (1.0.0)
    package44309 (1.0.0)
    package44310 (1.0.0)
    package44311 (1.0.0)
    package44312 (1.0.0)
    package44313 (1.0.0)
    package44314 (1.0.0)
    package44315 (1.0.0)
    package44316 (1.0.0)
    package44317 (1.0.0)
    package44318 (1.0.0)
    package44319 (1.0.0)
    package44320 (1.0.0)
    package44321 (1.0.0)
    package44322 (1.0.0)
    package44323 (1.0.0)
    package44324 (1.0.0)
    package44325 (1.0.0)
    package44326 (1.0.0)
    package44327 (1.0.0)
    package44328 (1.0.0)
    package44329 (1.0.0)
    package44330 (1.0.0)
    package44331 (1.0.0)
    package44332 (1.0.0)
    package44333 (1.0.0)
    package44334 (1.0.0)
    package44335 (1.0.0)
    package44336 (1.0.0)
    package44337 (1.0.0)
    package44338 (1.0.0)
    package44339 (1.0.0)
    package44340 (1.0.0)
    package44341 (1.0.0)
    package44342 (1.0.0)
    package44343 (1.0.0)
    package44344 (1.0.0)
    package44345 (1.0.0)
    package44346 (1.0.0)
    package44347 (1.0.0)
    package44348 (1.0.0)
    package44349 (1.0.0)
    package44350 (1.0.0)
    package44351 (1.0.0)
    package44352 (1.0.0)
    package44353 (1.0.0)
    package44354 (1.0.0)
    package44355 (1.0.0)
    package44356 (1.0.0)
    package44357 (1.0.0)
    package44358 (1.0.0)
    package44359 (1.0.0)
    package44360 (1.0.0)
    package44361 (1.0.0)
    package44362 (1.0.0)
    package44363 (1.0.0)
    package44364 (1.0.0)
    package44365 (1.0.0)
    package44366 (1.0.0)
    package44367 (1.0.0)
    package44368 (1.0.0)
    package44369 (1.0.0)
    package44370 (1.0.0)
    package44371 (1.0.0)
    package44372 (1.0.0)
    package44373 (1.0.0)
    package44374 (1.0.0)
    package44375 (1.0.0)
    package44376 (1.0.0)
    package44377 (1.0.0)
    package44378 (1.0.0)
    package44379 (1.0.0)
    package44380 (1.0.0)
    package44381 (1.0.0)
    package44382 (1.0.0)
    package44383 (1.0.0)
    package44384 (1.0.0)
    package44385 (1.0.0)
    package44386 (1.0.0)
    package44387 (1.0.0)
    package44388 (1.0.0)
    package44389 (1.0.0)
    package44390 (1.0.0)
    package44391 (1.0.0)
    package44392 (1.0.0)
    package44393 (1.0.0)
    package44394 (1.0.0)
    package44395 (1.0.0)
    package44396 (1.0.0)
    package44397 (1.0.0)
    package44398 (1.0.0)
    package44399 (1.0.0)
    package44400 (1.0.0)
    package44401 (1.0.0)
    package44402 (1.0.0)
    package44403 (1.0.0)
    package44404 (1.0.0)
    package44405 (1.0.0)
    package44406 (1.0.0)
    package44407 (1.0.0)
    package44408 (1.0.0)
    package44409 (1.0.0)
    package44410 (1.0.0)
    package44411 (1.0.0)
    package44412 (1.0.0)
    package44413 (1.0.0)
    package44414 (1.0.0)
    package44415 (1.0.0)
    package44416 (1.0.0)
    package44417 (1.0.0)
    package44418 (1.0.0)
    package44419 (1.0.0)
    package44420 (1.0.0)
    package44421 (1.0.0)
    package44422 (1.0.0)
    package44423 (1.0.0)
    package44424 (1.0.0)
    package44425 (1.0.0)
    package44426 (1.0.0)
    package44427 (1.0.0)
    package44428 (1.0.0)
    package44429 (1.0.0)
    package44430 (1.0.0)
    package44431 (1.0.0)
    package44432 (1.0.0)
    package44433 (1.0.0)
    package44434 (1.0.0)
    package44435 (1.0.0)
    package44436 (1.0.0)
    package44437 (1.0.0)
    package44438 (1.0.0)
    package44439 (1.0.0)
    package44440 (1.0.0)
    package44441 (1.0.0)
    package44442 (1.0.0)
    package44443 (1.0.0)
    package44444 (1.0.0)
    package44445 (1.0.0)
    package44446 (1.0.0)
    package44447 (1.0.0)
    package44448 (1.0.0)
    package44449 (1.0.0)
    package44450 (1.0.0)
    package44451 (1.0.0)
    package44452 (1.0.0)
    package44453 (1.0.0)
    package44454 (1.0.0)
    package44455 (1.0.0)
    package44456 (1.0.0)
    package44457 (1.0.0)
    package44458 (1.0.0)
    package44459 (1.0.0)
    package44460 (1.0.0)
    package44461 (1.0.0)
    package44462 (1.0.0)
    package44463 (1.0.0)
    package44464 (1.0.0)
    package44465 (1.0.0)
    package44466 (1.0.0)
    package44467 (1.0.0)
    package44468 (1.0.0)
    package44469 (1.0.0)
    package44470 (1.0.0)
    package44471 (1.0.0)
    package44472 (1.0.0)
    package44473 (1.0.0)
    package44474 (1.0.0)
    package44475 (1.0.0)
    package44476 (1.0.0)
    package44477 (1.0.0)
    package44478 (1.0.0)
    package44479 (1.0.0)
    package44480 (1.0.0)
    package44481 (1.0.0)
    package44482 (1.0.0)
    package44483 (1.0.0)
    package44484 (1.0.0)
    package44485 (1.0.0)
    package44486 (1.0.0)
    package44487 (1.0.0)
    package44488 (1.0.0)
    package44489 (1.0.0)
    package44490 (1.0.0)
    package44491 (1.0.0)
    package44492 (1.0.0)
    package44493 (1.0.0)
    package44494 (1.0.0)
    package44495 (1.0.0)
    package44496 (1.0.0)
    package44497 (1.0.0)
    package44498 (1.0.0)
    package44499 (1.0.0)
    package44500 (1.0.0)
    package44501 (1.0.0)
    package44502 (1.0.0)
    package44503 (1.0.0)
    package44504 (1.0.0)
    package44505 (1.0.0)
    package44506 (1.0.0)
    package44507 (1.0.0)
    package44508 (1.0.0)
    package44509 (1.0.0)
    package44510 (1.0.0)
    package44511 (1.0.0)
    package44512 (1.0.0)
    package44513 (1.0.0)
    package44514 (1.0.0)
    package44515 (1.0.0)
    package44516 (1.0.0)
    package44517 (1.0.0)
    package44518 (1.0.0)
    package44519 (1.0.0)
    package44520 (1.0.0)
    package44521 (1.0.0)
    package44522 (1.0.0)
    package44523 (1.0.0)
    package44524 (1.0.0)
    package44525 (1.0.0)
    package44526 (1.0.0)
    package44527 (1.0.0)
    package44528 (1.0.0)
    package44529 (1.0.0)
    package44530 (1.0.0)
    package44531 (1.0.0)
    package44532 (1.0.0)
    package44533 (1.0.0)
    package44534 (1.0.0)
    package44535 (1.0.0)
    package44536 (1.0.0)
    package44537 (1.0.0)
    package44538 (1.0.0)
    package44539 (1.0.0)
    package44540 (1.0.0)
    package44541 (1.0.0)
    package44542 (1.0.0)
    package44543 (1.0.0)
    package44544 (1.0.0)
    package44545 (1.0.0)
    package44546 (1.0.0)
    package44547 (1.0.0)
    package44548 (1.0.0)
    package44549 (1.0.0)
    package44550 (1.0.0)
    package44551 (1.0.0)
    package44552 (1.0.0)
    package44553 (1.0.0)
    package44554 (1.0.0)
    package44555 (1.0.0)
    package44556 (1.0.0)
    package44557 (1.0.0)
    package44558 (1.0.0)
    package44559 (1.0.0)
    package44560 (1.0.0)
    package44561 (1.0.0)
    package44562 (1.0.0)
    package44563 (1.0.0)
    package44564 (1.0.0)
    package44565 (1.0.0)
    package44566 (1.0.0)
    package44567 (1.0.0)
    package44568 (1.0.0)
    package44569 (1.0.0)
    package44570 (1.0.0)
    package44571 (1.0.0)
    package44572 (1.0.0)
    package44573 (1.0.0)
    package44574 (1.0.0)
    package44575 (1.0.0)
    package44576 (1.0.0)
    package44577 (1.0.0)
    package44578 (1.0.0)
    package44579 (1.0.0)
    package44580 (1.0.0)
    package44581 (1.0.0)
    package44582 (1.0.0)
    package44583 (1.0.0)
    package44584 (1.0.0)
    package44585 (1.0.0)
    package44586 (1.0.0)
    package44587 (1.0.0)
    package44588 (1.0.0)
    package44589 (1.0.0)
    package44590 (1.0.0)
    package44591 (1.0.0)
    package44592 (1.0.0)
    package44593 (1.0.0)
    package44594 (1.0.0)
    package44595 (1.0.0)
    package44596 (1.0.0)
    package44597 (1.0.0)
    package44598 (1.0.0)
    package44599 (1.0.0)
    package44600 (1.0.0)
    package44601 (1.0.0)
    package44602 (1.0.0)
    package44603 (1.0.0)
    package44604 (1.0.0)
    package44605 (1.0.0)
    package44606 (1.0.0)
    package44607 (1.0.0)
    package44608 (1.0.0)
    package44609 (1.0.0)
    package44610 (1.0.0)
    package44611 (1.0.0)
    package44612 (1.0.0)
    package44613 (1.0.0)
    package44614 (1.0.0)
    package44615 (1.0.0)
    package44616 (1.0.0)
    package44617 (1.0.0)
    package44618 (1.0.0)
    package44619 (1.0.0)
    package44620 (1.0.0)
    package44621 (1.0.0)
    package44622 (1.0.0)
    package44623 (1.0.0)
    package44624 (1.0.0)
    package44625 (1.0.0)
    package44626 (1.0.0)
    package44627 (1.0.0)
    package44628 (1.0.0)
    package44629 (1.0.0)
    package44630 (1.0.0)
    package44631 (1.0.0)
    package44632 (1.0.0)
    package44633 (1.0.0)
    package44634 (1.0.0)
    package44635 (1.0.0)
    package44636 (1.0.0)
    package44637 (1.0.0)
    package44638 (1.0.0)
    package44639 (1.0.0)
    package44640 (1.0.0)
    package44641 (1.0.0)
    package44642 (1.0.0)
    package44643 (1.0.0)
    package44644 (1.0.0)
    package44645 (1.0.0)
    package44646 (1.0.0)
    package44647 (1.0.0)
    package44648 (1.0.0)
    package44649 (1.0.0)
    package44650 (1.0.0)
    package44651 (1.0.0)
    package44652 (1.0.0)
    package44653 (1.0.0)
    package44654 (1.0.0)
    package44655 (1.0.0)
    package44656 (1.0.0)
    package44657 (1.0.0)
    package44658 (1.0.0)
    package44659 (1.0.0)
    package44660 (1.0.0)
    package44661 (1.0.0)
    package44662 (1.0.0)
    package44663 (1.0.0)
    package44664 (1.0.0)
    package44665 (1.0.0)
    package44666 (1.0.0)
    package44667 (1.0.0)
    package44668 (1.0.0)
    package44669 (1.0.0)
    package44670 (1.0.0)
    package44671 (1.0.0)
    package44672 (1.0.0)
    package44673 (1.0.0)
    package44674 (1.0.0)
    package44675 (1.0.0)
    package44676 (1.0.0)
    package44677 (1.0.0)
    package44678 (1.0.0)
    package44679 (1.0.0)
    package44680 (1.0.0)
    package44681 (1.0.0)
    package44682 (1.0.0)
    package44683 (1.0.0)
    package44684 (1.0.0)
    package44685 (1.0.0)
    package44686 (1.0.0)
    package44687 (1.0.0)
    package44688 (1.0.0)
    package44689 (1.0.0)
    package44690 (1.0.0)
    package44691 (1.0.0)
    package44692 (1.0.0)
    package44693 (1.0.0)
    package44694 (1.0.0)
    package44695 (1.0.0)
    package44696 (1.0.0)
    package44697 (1.0.0)
    package44698 (1.0.0)
    package44699 (1.0.0)
    package44700 (1.0.0)
    package44701 (1.0.0)
    package44702 (1.0.0)
    package44703 (1.0.0)
    package44704 (1.0.0)
    package44705 (1.0.0)
    package44706 (1.0.0)
    package44707 (1.0.0)
    package44708 (1.0.0)
    package44709 (1.0.0)
    package44710 (1.0.0)
    package44711 (1.0.0)
    package44712 (1.0.0)
    package44713 (1.0.0)
    package44714 (1.0.0)
    package44715 (1.0.0)
    package44716 (1.0.0)
    package44717 (1.0.0)
    package44718 (1.0.0)
    package44719 (1.0.0)
    package44720 (1.0.0)
    package44721 (1.0.0)
    package44722 (1.0.0)
    package44723 (1.0.0)
    package44724 (1.0.0)
    package44725 (1.0.0)
    package44726 (1.0.0)
    package44727 (1.0.0)
    package44728 (1.0.0)
    package44729 (1.0.0)
    package44730 (1.0.0)
    package44731 (1.0.0)
    package44732 (1.0.0)
    package44733 (1.0.0)
    package44734 (1.0.0)
    package44735 (1.0.0)
    package44736 (1.0.0)
    package44737 (1.0.0)
    package44738 (1.0.0)
    package44739 (1.0.0)
    package44740 (1.0.0)
    package44741 (1.0.0)
    package44742 (1.0.0)
    package44743 (1.0.0)
    package44744 (1.0.0)
    package44745 (1.0.0)
    package44746 (1.0.0)
    package44747 (1.0.0)
    package44748 (1.0.0)
    package44749 (1.0.0)
    package44750 (1.0.0)
    package44751 (1.0.0)
    package44752 (1.0.0)
    package44753 (1.0.0)
    package44754 (1.0.0)
    package44755 (1.0.0)
    package44756 (1.0.0)
    package44757 (1.0.0)
    package44758 (1.0.0)
    package44759 (1.0.0)
    package44760 (1.0.0)
    package44761 (1.0.0)
    package44762 (1.0.0)
    package44763 (1.0.0)
    package44764 (1.0.0)
    package44765 (1.0.0)
    package44766 (1.0.0)
    package44767 (1.0.0)
    package44768 (1.0.0)
    package44769 (1.0.0)
    package44770 (1.0.0)
    package44771 (1.0.0)
    package44772 (1.0.0)
    package44773 (1.0.0)
    package44774 (1.0.0)
    package44775 (1.0.0)
    package44776 (1.0.0)
    package44777 (1.0.0)
    package44778 (1.0.0)
    package44779 (1.0.0)
    package44780 (1.0.0)
    package44781 (1.0.0)
    package44782 (1.0.0)
    package44783 (1.0.0)
    package44784 (1.0.0)
    package44785 (1.0.0)
    package44786 (1.0.0)
    package44787 (1.0.0)
    package44788 (1.0.0)
    package44789 (1.0.0)
    package44790 (1.0.0)
    package44791 (1.0.0)
    package44792 (1.0.0)
    package44793 (1.0.0)
    package44794 (1.0.0)
    package44795 (1.0.0)
    package44796 (1.0.0)
    package44797 (1.0.0)
    package44798 (1.0.0)
    package44799 (1.0.0)
    package44800 (1.0.0)
    package44801 (1.0.0)
    package44802 (1.0.0)
    package44803 (1.0.0)
    package44804 (1.0.0)
    package44805 (1.0.0)
    package44806 (1.0.0)
    package44807 (1.0.0)
    package44808 (1.0.0)
    package44809 (1.0.0)
    package44810 (1.0.0)
    package44811 (1.0.0)
    package44812 (1.0.0)
    package44813 (1.0.0)
    package44814 (1.0.0)
    package44815 (1.0.0)
    package44816 (1.0.0)
    package44817 (1.0.0)
    package44818 (1.0.0)
    package44819 (1.0.0)
    package44820 (1.0.0)
    package44821 (1.0.0)
    package44822 (1.0.0)
    package44823 (1.0.0)
    package44824 (1.0.0)
    package44825 (1.0.0)
    package44826 (1.0.0)
    package44827 (1.0.0)
    package44828 (1.0.0)
    package44829 (1.0.0)
    package44830 (1.0.0)
    package44831 (1.0.0)
    package44832 (1.0.0)
    package44833 (1.0.0)
    package44834 (1.0.0)
    package44835 (1.0.0)
    package44836 (1.0.0)
    package44837 (1.0.0)
    package44838 (1.0.0)
    package44839 (1.0.0)
    package44840 (1.0.0)
    package44841 (1.0.0)
    package44842 (1.0.0)
    package44843 (1.0.0)
    package44844 (1.0.0)
    package44845 (1.0.0)
    package44846 (1.0.0)
    package44847 (1.0.0)
    package44848 (1.0.0)
    package44849 (1.0.0)
    package44850 (1.0.0)
    package44851 (1.0.0)
    package44852 (1.0.0)
    package44853 (1.0.0)
    package44854 (1.0.0)
    package44855 (1.0.0)
    package44856 (1.0.0)
    package44857 (1.0.0)
    package44858 (1.0.0)
    package44859 (1.0.0)
    package44860 (1.0.0)
    package44861 (1.0.0)
    package44862 (1.0.0)
    package44863 (1.0.0)
    package44864 (1.0.0)
    package44865 (1.0.0)
    package44866 (1.0.0)
    package44867 (1.0.0)
    package44868 (1.0.0)
    package44869 (1.0.0)
    package44870 (1.0.0)
    package44871 (1.0.0)
    package44872 (1.0.0)
    package44873 (1.0.0)
    package44874 (1.0.0)
    package44875 (1.0.0)
    package44876 (1.0.0)
    package44877 (1.0.0)
    package44878 (1.0.0)
    package44879 (1.0.0)
    package44880 (1.0.0)
    package44881 (1.0.0)
    package44882 (1.0.0)
    package44883 (1.0.0)
    package44884 (1.0.0)
    package44885 (1.0.0)
    package44886 (1.0.0)
    package44887 (1.0.0)
    package44888 (1.0.0)
    package44889 (1.0.0)
    package44890 (1.0.0)
    package44891 (1.0.0)
    package44892 (1.0.0)
    package44893 (1.0.0)
    package44894 (1.0.0)
    package44895 (1.0.0)
    package44896 (1.0.0)
    package44897 (1.0.0)
    package44898 (1.0.0)
    package44899 (1.0.0)
    package44900 (1.0.0)
    package44901 (1.0.0)
    package44902 (1.0.0)
    package44903 (1.0.0)
    package44904 (1.0.0)
    package44905 (1.0.0)
    package44906 (1.0.0)
    package44907 (1.0.0)
    package44908 (1.0.0)
    package44909 (1.0.0)
    package44910 (1.0.0)
    package44911 (1.0.0)
    package44912 (1.0.0)
    package44913 (1.0.0)
    package44914 (1.0.0)
    package44915 (1.0.0)
    package44916 (1.0.0)
    package44917 (1.0.0)
    package44918 (1.0.0)
    package44919 (1.0.0)
    package44920 (1.0.0)
    package44921 (1.0.0)
    package44922 (1.0.0)
    package44923 (1.0.0)
    package44924 (1.0.0)
    package44925 (1.0.0)
    package44926 (1.0.0)
    package44927 (1.0.0)
    package44928 (1.0.0)
    package44929 (1.0.0)
    package44930 (1.0.0)
    package44931 (1.0.0)
    package44932 (1.0.0)
    package44933 (1.0.0)
    package44934 (1.0.0)
    package44935 (1.0.0)
    package44936 (1.0.0)
    package44937 (1.0.0)
    package44938 (1.0.0)
    package44939 (1.0.0)
    package44940 (1.0.0)
    package44941 (1.0.0)
    package44942 (1.0.0)
    package44943 (1.0.0)
    package44944 (1.0.0)
    package44945 (1.0.0)
    package44946 (1.0.0)
    package44947 (1.0.0)
    package44948 (1.0.0)
    package44949 (1.0.0)
    package44950 (1.0.0)
    package44951 (1.0.0)
    package44952 (1.0.0)
    package44953 (1.0.0)
    package44954 (1.0.0)
    package44955 (1.0.0)
    package44956 (1.0.0)
    package44957 (1.0.0)
    package44958 (1.0.0)
    package44959 (1.0.0)
    package44960 (1.0.0)
    package44961 (1.0.0)
    package44962 (1.0.0)
    package44963 (1.0.0)
    package44964 (1.0.0)
    package44965 (1.0.0)
    package44966 (1.0.0)
    package44967 (1.0.0)
    package44968 (1.0.0)
    package44969 (1.0.0)
    package44970 (1.0.0)
    package44971 (1.0.0)
    package44972 (1.0.0)
    package44973 (1.0.0)
    package44974 (1.0.0)
    package44975 (1.0.0)
    package44976 (1.0.0)
    package44977 (1.0.0)
    package44978 (1.0.0)
    package44979 (1.0.0)
    package44980 (1.0.0)
    package44981 (1.0.0)
    package44982 (1.0.0)
    package44983 (1.0.0)
    package44984 (1.0.0)
    package44985 (1.0.0)
    package44986 (1.0.0)
    package44987 (1.0.0)
    package44988 (1.0.0)
    package44989 (1.0.0)
    package44990 (1.0.0)
    package44991 (1.0.0)
    package44992 (1.0.0)
    package44993 (1.0.0)
    package44994 (1.0.0)
    package44995 (1.0.0)
    package44996 (1.0.0)
    package44997 (1.0.0)
    package44998 (1.0.0)
    package44999 (1.0.0)
    package45000 (1.0.0)
    package45001 (1.0.0)
    package45002 (1.0.0)
    package45003 (1.0.0)
    package45004 (1.0.0)
    package45005 (1.0.0)
    package45006 (1.0.0)
    package45007 (1.0.0)
    package45008 (1.0.0)
    package45009 (1.0.0)
    package45010 (1.0.0)
    package45011 (1.0.0)
    package45012 (1.0.0)
    package45013 (1.0.0)
    package45014 (1.0.0)
    package45015 (1.0.0)
    package45016 (1.0.0)
    package45017 (1.0.0)
    package45018 (1.0.0)
    package45019 (1.0.0)
    package45020 (1.0.0)
    package45021 (1.0.0)
    package45022 (1.0.0)
    package45023 (1.0.0)
    package45024 (1.0.0)
    package45025 (1.0.0)
    package45026 (1.0.0)
    package45027 (1.0.0)
    package45028 (1.0.0)
    package45029 (1.0.0)
    package45030 (1.0.0)
    package45031 (1.0.0)
    package45032 (1.0.0)
    package45033 (1.0.0)
    package45034 (1.0.0)
    package45035 (1.0.0)
    package45036 (1.0.0)
    package45037 (1.0.0)
    package45038 (1.0.0)
    package45039 (1.0.0)
    package45040 (1.0.0)
    package45041 (1.0.0)
    package45042 (1.0.0)
    package45043 (1.0.0)
    package45044 (1.0.0)
    package45045 (1.0.0)
    package45046 (1.0.0)
    package45047 (1.0.0)
    package45048 (1.0.0)
    package45049 (1.0.0)
    package45050 (1.0.0)
    package45051 (1.0.0)
    package45052 (1.0.0)
    package45053 (1.0.0)
    package45054 (1.0.0)
    package45055 (1.0.0)
    package45056 (1.0.0)
    package45057 (1.0.0)
    package45058 (1.0.0)
    package45059 (1.0.0)
    package45060 (1.0.0)
    package45061 (1.0.0)
    package45062 (1.0.0)
    package45063 (1.0.0)
    package45064 (1.0.0)
    package45065 (1.0.0)
    package45066 (1.0.0)
    package45067 (1.0.0)
    package45068 (1.0.0)
    package45069 (1.0.0)
    package45070 (1.0.0)
    package45071 (1.0.0)
    package45072 (1.0.0)
    package45073 (1.0.0)
    package45074 (1.0.0)
    package45075 (1.0.0)
    package45076 (1.0.0)
    package45077 (1.0.0)
    package45078 (1.0.0)
    package45079 (1.0.0)
    package45080 (1.0.0)
    package45081 (1.0.0)
    package45082 (1.0.0)
    package45083 (1.0.0)
    package45084 (1.0.0)
    package45085 (1.0.0)
    package45086 (1.0.0)
    package45087 (1.0.0)
    package45088 (1.0.0)
    package45089 (1.0.0)
    package45090 (1.0.0)
    package45091 (1.0.0)
    package45092 (1.0.0)
    package45093 (1.0.0)
    package45094 (1.0.0)
    package45095 (1.0.0)
    package45096 (1.0.0)
    package45097 (1.0.0)
    package45098 (1.0.0)
    package45099 (1.0.0)
    package45100 (1.0.0)
    package45101 (1.0.0)
    package45102 (1.0.0)
    package45103 (1.0.0)
    package45104 (1.0.0)
    package45105 (1.0.0)
    package45106 (1.0.0)
    package45107 (1.0.0)
    package45108 (1.0.0)
    package45109 (1.0.0)
    package45110 (1.0.0)
    package45111 (1.0.0)
    package45112 (1.0.0)
    package45113 (1.0.0)
    package45114 (1.0.0)
    package45115 (1.0.0)
    package45116 (1.0.0)
    package45117 (1.0.0)
    package45118 (1.0.0)
    package45119 (1.0.0)
    package45120 (1.0.0)
    package45121 (1.0.0)
    package45122 (1.0.0)
    package45123 (1.0.0)
    package45124 (1.0.0)
    package45125 (1.0.0)
    package45126 (1.0.0)
    package45127 (1.0.0)
    package45128 (1.0.0)
    package45129 (1.0.0)
    package45130 (1.0.0)
    package45131 (1.0.0)
    package45132 (1.0.0)
    package45133 (1.0.0)
    package45134 (1.0.0)
    package45135 (1.0.0)
    package45136 (1.0.0)
    package45137 (1.0.0)
    package45138 (1.0.0)
    package45139 (1.0.0)
    package45140 (1.0.0)
    package45141 (1.0.0)
    package45142 (1.0.0)
    package45143 (1.0.0)
    package45144 (1.0.0)
    package45145 (1.0.0)
    package45146 (1.0.0)
    package45147 (1.0.0)
    package45148 (1.0.0)
    package45149 (1.0.0)
    package45150 (1.0.0)
    package45151 (1.0.0)
    package45152 (1.0.0)
    package45153 (1.0.0)
    package45154 (1.0.0)
    package45155 (1.0.0)
    package45156 (1.0.0)
    package45157 (1.0.0)
    package45158 (1.0.0)
    package45159 (1.0.0)
    package45160 (1.0.0)
    package45161 (1.0.0)
    package45162 (1.0.0)
    package45163 (1.0.0)
    package45164 (1.0.0)
    package45165 (1.0.0)
    package45166 (1.0.0)
    package45167 (1.0.0)
    package45168 (1.0.0)
    package45169 (1.0.0)
    package45170 (1.0.0)
    package45171 (1.0.0)
    package45172 (1.0.0)
    package45173 (1.0.0)
    package45174 (1.0.0)
    package45175 (1.0.0)
    package45176 (1.0.0)
    package45177 (1.0.0)
    package45178 (1.0.0)
    package45179 (1.0.0)
    package45180 (1.0.0)
    package45181 (1.0.0)
    package45182 (1.0.0)
    package45183 (1.0.0)
    package45184 (1.0.0)
    package45185 (1.0.0)
    package45186 (1.0.0)
    package45187 (1.0.0)
    package45188 (1.0.0)
    package45189 (1.0.0)
    package45190 (1.0.0)
    package45191 (1.0.0)
    package45192 (1.0.0)
    package45193 (1.0.0)
    package45194 (1.0.0)
    package45195 (1.0.0)
    package45196 (1.0.0)
    package45197 (1.0.0)
    package45198 (1.0.0)
    package45199 (1.0.0)
    package45200 (1.0.0)
    package45201 (1.0.0)
    package45202 (1.0.0)
    package45203 (1.0.0)
    package45204 (1.0.0)
    package45205 (1.0.0)
    package45206 (1.0.0)
    package45207 (1.0.0)
    package45208 (1.0.0)
    package45209 (1.0.0)
    package45210 (1.0.0)
    package45211 (1.0.0)
    package45212 (1.0.0)
    package45213 (1.0.0)
    package45214 (1.0.0)
    package45215 (1.0.0)
    package45216 (1.0.0)
    package45217 (1.0.0)
    package45218 (1.0.0)
    package45219 (1.0.0)
    package45220 (1.0.0)
    package45221 (1.0.0)
    package45222 (1.0.0)
    package45223 (1.0.0)
    package45224 (1.0.0)
    package45225 (1.0.0)
    package45226 (1.0.0)
    package45227 (1.0.0)
    package45228 (1.0.0)
    package45229 (1.0.0)
    package45230 (1.0.0)
    package45231 (1.0.0)
    package45232 (1.0.0)
    package45233 (1.0.0)
    package45234 (1.0.0)
    package45235 (1.0.0)
    package45236 (1.0.0)
    package45237 (1.0.0)
    package45238 (1.0.0)
    package45239 (1.0.0)
    package45240 (1.0.0)
    package45241 (1.0.0)
    package45242 (1.0.0)
    package45243 (1.0.0)
    package45244 (1.0.0)
    package45245 (1.0.0)
    package45246 (1.0.0)
    package45247 (1.0.0)
    package45248 (1.0.0)
    package45249 (1.0.0)
    package45250 (1.0.0)
    package45251 (1.0.0)
    package45252 (1.0.0)
    package45253 (1.0.0)
    package45254 (1.0.0)
    package45255 (1.0.0)
    package45256 (1.0.0)
    package45257 (1.0.0)
    package45258 (1.0.0)
    package45259 (1.0.0)
    package45260 (1.0.0)
    package45261 (1.0.0)
    package45262 (1.0.0)
    package45263 (1.0.0)
    package45264 (1.0.0)
    package45265 (1.0.0)
    package45266 (1.0.0)
    package45267 (1.0.0)
    package45268 (1.0.0)
    package45269 (1.0.0)
    package45270 (1.0.0)
    package45271 (1.0.0)
    package45272 (1.0.0)
    package45273 (1.0.0)
    package45274 (1.0.0)
    package45275 (1.0.0)
    package45276 (1.0.0)
    package45277 (1.0.0)
    package45278 (1.0.0)
    package45279 (1.0.0)
    package45280 (1.0.0)
    package45281 (1.0.0)
    package45282 (1.0.0)
    package45283 (1.0.0)
    package45284 (1.0.0)
    package45285 (1.0.0)
    package45286 (1.0.0)
    package45287 (1.0.0)
    package45288 (1.0.0)
    package45289 (1.0.0)
    package45290 (1.0.0)
    package45291 (1.0.0)
    package45292 (1.0.0)
    package45293 (1.0.0)
    package45294 (1.0.0)
    package45295 (1.0.0)
    package45296 (1.0.0)
    package45297 (1.0.0)
    package45298 (1.0.0)
    package45299 (1.0.0)
    package45300 (1.0.0)
    package45301 (1.0.0)
    package45302 (1.0.0)
    package45303 (1.0.0)
    package45304 (1.0.0)
    package45305 (1.0.0)
    package45306 (1.0.0)
    package45307 (1.0.0)
    package45308 (1.0.0)
    package45309 (1.0.0)
    package45310 (1.0.0)
    package45311 (1.0.0)
    package45312 (1.0.0)
    package45313 (1.0.0)
    package45314 (1.0.0)
    package45315 (1.0.0)
    package45316 (1.0.0)
    package45317 (1.0.0)
    package45318 (1.0.0)
    package45319 (1.0.0)
    package45320 (1.0.0)
    package45321 (1.0.0)
    package45322 (1.0.0)
    package45323 (1.0.0)
    package45324 (1.0.0)
    package45325 (1.0.0)
    package45326 (1.0.0)
    package45327 (1.0.0)
    package45328 (1.0.0)
    package45329 (1.0.0)
    package45330 (1.0.0)
    package45331 (1.0.0)
    package45332 (1.0.0)
    package45333 (1.0.0)
    package45334 (1.0.0)
    package45335 (1.0.0)
    package45336 (1.0.0)
    package45337 (1.0.0)
    package45338 (1.0.0)
    package45339 (1.0.0)
    package45340 (1.0.0)
    package45341 (1.0.0)
    package45342 (1.0.0)
    package45343 (1.0.0)
    package45344 (1.0.0)
    package45345 (1.0.0)
    package45346 (1.0.0)
    package45347 (1.0.0)
    package45348 (1.0.0)
    package45349 (1.0.0)
    package45350 (1.0.0)
    package45351 (1.0.0)
    package45352 (1.0.0)
    package45353 (1.0.0)
    package45354 (1.0.0)
    package45355 (1.0.0)
    package45356 (1.0.0)
    package45357 (1.0.0)
    package45358 (1.0.0)
    package45359 (1.0.0)
    package45360 (1.0.0)
    package45361 (1.0.0)
    package45362 (1.0.0)
    package45363 (1.0.0)
    package45364 (1.0.0)
    package45365 (1.0.0)
    package45366 (1.0.0)
    package45367 (1.0.0)
    package45368 (1.0.0)
    package45369 (1.0.0)
    package45370 (1.0.0)
    package45371 (1.0.0)
    package45372 (1.0.0)
    package45373 (1.0.0)
    package45374 (1.0.0)
    package45375 (1.0.0)
    package45376 (1.0.0)
    package45377 (1.0.0)
    package45378 (1.0.0)
    package45379 (1.0.0)
    package45380 (1.0.0)
    package45381 (1.0.0)
    package45382 (1.0.0)
    package45383 (1.0.0)
    package45384 (1.0.0)
    package45385 (1.0.0)
    package45386 (1.0.0)
    package45387 (1.0.0)
    package45388 (1.0.0)
    package45389 (1.0.0)
    package45390 (1.0.0)
    package45391 (1.0.0)
    package45392 (1.0.0)
    package45393 (1.0.0)
    package45394 (1.0.0)
    package45395 (1.0.0)
    package45396 (1.0.0)
    package45397 (1.0.0)
    package45398 (1.0.0)
    package45399 (1.0.0)
    package45400 (1.0.0)
    package45401 (1.0.0)
    package45402 (1.0.0)
    package45403 (1.0.0)
    package45404 (1.0.0)
    package45405 (1.0.0)
    package45406 (1.0.0)
    package45407 (1.0.0)
    package45408 (1.0.0)
    package45409 (1.0.0)
    package45410 (1.0.0)
    package45411 (1.0.0)
    package45412 (1.0.0)
    package45413 (1.0.0)
    package45414 (1.0.0)
    package45415 (1.0.0)
    package45416 (1.0.0)
    package45417 (1.0.0)
    package45418 (1.0.0)
    package45419 (1.0.0)
    package45420 (1.0.0)
    package45421 (1.0.0)
    package45422 (1.0.0)
    package45423 (1.0.0)
    package45424 (1.0.0)
    package45425 (1.0.0)
    package45426 (1.0.0)
    package45427 (1.0.0)
    package45428 (1.0.0)
    package45429 (1.0.0)
    package45430 (1.0.0)
    package45431 (1.0.0)
    package45432 (1.0.0)
    package45433 (1.0.0)
    package45434 (1.0.0)
    package45435 (1.0.0)
    package45436 (1.0.0)
    package45437 (1.0.0)
    package45438 (1.0.0)
    package45439 (1.0.0)
    package45440 (1.0.0)
    package45441 (1.0.0)
    package45442 (1.0.0)
    package45443 (1.0.0)
    package45444 (1.0.0)
    package45445 (1.0.0)
    package45446 (1.0.0)
    package45447 (1.0.0)
    package45448 (1.0.0)
    package45449 (1.0.0)
    package45450 (1.0.0)
    package45451 (1.0.0)
    package45452 (1.0.0)
    package45453 (1.0.0)
    package45454 (1.0.0)
    package45455 (1.0.0)
    package45456 (1.0.0)
    package45457 (1.0.0)
    package45458 (1.0.0)
    package45459 (1.0.0)
    package45460 (1.0.0)
    package45461 (1.0.0)
    package45462 (1.0.0)
    package45463 (1.0.0)
    package45464 (1.0.0)
    package45465 (1.0.0)
    package45466 (1.0.0)
    package45467 (1.0.0)
    package45468 (1.0.0)
    package45469 (1.0.0)
    package45470 (1.0.0)
    package45471 (1.0.0)
    package45472 (1.0.0)
    package45473 (1.0.0)
    package45474 (1.0.0)
    package45475 (1.0.0)
    package45476 (1.0.0)
    package45477 (1.0.0)
    package45478 (1.0.0)
    package45479 (1.0.0)
    package45480 (1.0.0)
    package45481 (1.0.0)
    package45482 (1.0.0)
    package45483 (1.0.0)
    package45484 (1.0.0)
    package45485 (1.0.0)
    package45486 (1.0.0)
    package45487 (1.0.0)
    package45488 (1.0.0)
    package45489 (1.0.0)
    package45490 (1.0.0)
    package45491 (1.0.0)
    package45492 (1.0.0)
    package45493 (1.0.0)
    package45494 (1.0.0)
    package45495 (1.0.0)
    package45496 (1.0.0)
    package45497 (1.0.0)
    package45498 (1.0.0)
    package45499 (1.0.0)
    package45500 (1.0.0)
    package45501 (1.0.0)
    package45502 (1.0.0)
    package45503 (1.0.0)
    package45504 (1.0.0)
    package45505 (1.0.0)
    package45506 (1.0.0)
    package45507 (1.0.0)
    package45508 (1.0.0)
    package45509 (1.0.0)
    package45510 (1.0.0)
    package45511 (1.0.0)
    package45512 (1.0.0)
    package45513 (1.0.0)
    package45514 (1.0.0)
    package45515 (1.0.0)
    package45516 (1.0.0)
    package45517 (1.0.0)
    package45518 (1.0.0)
    package45519 (1.0.0)
    package45520 (1.0.0)
    package45521 (1.0.0)
    package45522 (1.0.0)
    package45523 (1.0.0)
    package45524 (1.0.0)
    package45525 (1.0.0)
    package45526 (1.0.0)
    package45527 (1.0.0)
    package45528 (1.0.0)
    package45529 (1.0.0)
    package45530 (1.0.0)
    package45531 (1.0.0)
    package45532 (1.0.0)
    package45533 (1.0.0)
    package45534 (1.0.0)
    package45535 (1.0.0)
    package45536 (1.0.0)
    package45537 (1.0.0)
    package45538 (1.0.0)
    package45539 (1.0.0)
    package45540 (1.0.0)
    package45541 (1.0.0)
    package45542 (1.0.0)
    package45543 (1.0.0)
    package45544 (1.0.0)
    package45545 (1.0.0)
    package45546 (1.0.0)
    package45547 (1.0.0)
    package45548 (1.0.0)
    package45549 (1.0.0)
    package45550 (1.0.0)
    package45551 (1.0.0)
    package45552 (1.0.0)
    package45553 (1.0.0)
    package45554 (1.0.0)
    package45555 (1.0.0)
    package45556 (1.0.0)
    package45557 (1.0.0)
    package45558 (1.0.0)
    package45559 (1.0.0)
    package45560 (1.0.0)
    package45561 (1.0.0)
    package45562 (1.0.0)
    package45563 (1.0.0)
    package45564 (1.0.0)
    package45565 (1.0.0)
    package45566 (1.0.0)
    package45567 (1.0.0)
    package45568 (1.0.0)
    package45569 (1.0.0)
    package45570 (1.0.0)
    package45571 (1.0.0)
    package45572 (1.0.0)
    package45573 (1.0.0)
    package45574 (1.0.0)
    package45575 (1.0.0)
    package45576 (1.0.0)
    package45577 (1.0.0)
    package45578 (1.0.0)
    package45579 (1.0.0)
    package45580 (1.0.0)
    package45581 (1.0.0)
    package45582 (1.0.0)
    package45583 (1.0.0)
    package45584 (1.0.0)
    package45585 (1.0.0)
    package45586 (1.0.0)
    package45587 (1.0.0)
    package45588 (1.0.0)
    package45589 (1.0.0)
    package45590 (1.0.0)
    package45591 (1.0.0)
    package45592 (1.0.0)
    package45593 (1.0.0)
    package45594 (1.0.0)
    package45595 (1.0.0)
    package45596 (1.0.0)
    package45597 (1.0.0)
    package45598 (1.0.0)
    package45599 (1.0.0)
    package45600 (1.0.0)
    package45601 (1.0.0)
    package45602 (1.0.0)
    package45603 (1.0.0)
    package45604 (1.0.0)
    package45605 (1.0.0)
    package45606 (1.0.0)
    package45607 (1.0.0)
    package45608 (1.0.0)
    package45609 (1.0.0)
    package45610 (1.0.0)
    package45611 (1.0.0)
    package45612 (1.0.0)
    package45613 (1.0.0)
    package45614 (1.0.0)
    package45615 (1.0.0)
    package45616 (1.0.0)
    package45617 (1.0.0)
    package45618 (1.0.0)
    package45619 (1.0.0)
    package45620 (1.0.0)
    package45621 (1.0.0)
    package45622 (1.0.0)
    package45623 (1.0.0)
    package45624 (1.0.0)
    package45625 (1.0.0)
    package45626 (1.0.0)
    package45627 (1.0.0)
    package45628 (1.0.0)
    package45629 (1.0.0)
    package45630 (1.0.0)
    package45631 (1.0.0)
    package45632 (1.0.0)
    package45633 (1.0.0)
    package45634 (1.0.0)
    package45635 (1.0.0)
    package45636 (1.0.0)
    package45637 (1.0.0)
    package45638 (1.0.0)
    package45639 (1.0.0)
    package45640 (1.0.0)
    package45641 (1.0.0)
    package45642 (1.0.0)
    package45643 (1.0.0)
    package45644 (1.0.0)
    package45645 (1.0.0)
    package45646 (1.0.0)
    package45647 (1.0.0)
    package45648 (1.0.0)
    package45649 (1.0.0)
    package45650 (1.0.0)
    package45651 (1.0.0)
    package45652 (1.0.0)
    package45653 (1.0.0)
    package45654 (1.0.0)
    package45655 (1.0.0)
    package45656 (1.0.0)
    package45657 (1.0.0)
    package45658 (1.0.0)
    package45659 (1.0.0)
    package45660 (1.0.0)
    package45661 (1.0.0)
    package45662 (1.0.0)
    package45663 (1.0.0)
    package45664 (1.0.0)
    package45665 (1.0.0)
    package45666 (1.0.0)
    package45667 (1.0.0)
    package45668 (1.0.0)
    package45669 (1.0.0)
    package45670 (1.0.0)
    package45671 (1.0.0)
    package45672 (1.0.0)
    package45673 (1.0.0)
    package45674 (1.0.0)
    package45675 (1.0.0)
    package45676 (1.0.0)
    package45677 (1.0.0)
    package45678 (1.0.0)
    package45679 (1.0.0)
    package45680 (1.0.0)
    package45681 (1.0.0)
    package45682 (1.0.0)
    package45683 (1.0.0)
    package45684 (1.0.0)
    package45685 (1.0.0)
    package45686 (1.0.0)
    package45687 (1.0.0)
    package45688 (1.0.0)
    package45689 (1.0.0)
    package45690 (1.0.0)
    package45691 (1.0.0)
    package45692 (1.0.0)
    package45693 (1.0.0)
    package45694 (1.0.0)
    package45695 (1.0.0)
    package45696 (1.0.0)
    package45697 (1.0.0)
    package45698 (1.0.0)
    package45699 (1.0.0)
    package45700 (1.0.0)
    package45701 (1.0.0)
    package45702 (1.0.0)
    package45703 (1.0.0)
    package45704 (1.0.0)
    package45705 (1.0.0)
    package45706 (1.0.0)
    package45707 (1.0.0)
    package45708 (1.0.0)
    package45709 (1.0.0)
    package45710 (1.0.0)
    package45711 (1.0.0)
    package45712 (1.0.0)
    package45713 (1.0.0)
    package45714 (1.0.0)
    package45715 (1.0.0)
    package45716 (1.0.0)
    package45717 (1.0.0)
    package45718 (1.0.0)
    package45719 (1.0.0)
    package45720 (1.0.0)
    package45721 (1.0.0)
    package45722 (1.0.0)
    package45723 (1.0.0)
    package45724 (1.0.0)
    package45725 (1.0.0)
    package45726 (1.0.0)
    package45727 (1.0.0)
    package45728 (1.0.0)
    package45729 (1.0.0)
    package45730 (1.0.0)
    package45731 (1.0.0)
    package45732 (1.0.0)
    package45733 (1.0.0)
    package45734 (1.0.0)
    package45735 (1.0.0)
    package45736 (1.0.0)
    package45737 (1.0.0)
    package45738 (1.0.0)
    package45739 (1.0.0)
    package45740 (1.0.0)
    package45741 (1.0.0)
    package45742 (1.0.0)
    package45743 (1.0.0)
    package45744 (1.0.0)
    package45745 (1.0.0)
    package45746 (1.0.0)
    package45747 (1.0.0)
    package45748 (1.0.0)
    package45749 (1.0.0)
    package45750 (1.0.0)
    package45751 (1.0.0)
    package45752 (1.0.0)
    package45753 (1.0.0)
    package45754 (1.0.0)
    package45755 (1.0.0)
    package45756 (1.0.0)
    package45757 (1.0.0)
    package45758 (1.0.0)
    package45759 (1.0.0)
    package45760 (1.0.0)
    package45761 (1.0.0)
    package45762 (1.0.0)
    package45763 (1.0.0)
    package45764 (1.0.0)
    package45765 (1.0.0)
    package45766 (1.0.0)
    package45767 (1.0.0)
    package45768 (1.0.0)
    package45769 (1.0.0)
    package45770 (1.0.0)
    package45771 (1.0.0)
    package45772 (1.0.0)
    package45773 (1.0.0)
    package45774 (1.0.0)
    package45775 (1.0.0)
    package45776 (1.0.0)
    package45777 (1.0.0)
    package45778 (1.0.0)
    package45779 (1.0.0)
    package45780 (1.0.0)
    package45781 (1.0.0)
    package45782 (1.0.0)
    package45783 (1.0.0)
    package45784 (1.0.0)
    package45785 (1.0.0)
    package45786 (1.0.0)
    package45787 (1.0.0)
    package45788 (1.0.0)
    package45789 (1.0.0)
    package45790 (1.0.0)
    package45791 (1.0.0)
    package45792 (1.0.0)
    package45793 (1.0.0)
    package45794 (1.0.0)
    package45795 (1.0.0)
    package45796 (1.0.0)
    package45797 (1.0.0)
    package45798 (1.0.0)
    package45799 (1.0.0)
    package45800 (1.0.0)
    package45801 (1.0.0)
    package45802 (1.0.0)
    package45803 (1.0.0)
    package45804 (1.0.0)
    package45805 (1.0.0)
    package45806 (1.0.0)
    package45807 (1.0.0)
    package45808 (1.0.0)
    package45809 (1.0.0)
    package45810 (1.0.0)
    package45811 (1.0.0)
    package45812 (1.0.0)
    package45813 (1.0.0)
    package45814 (1.0.0)
    package45815 (1.0.0)
    package45816 (1.0.0)
    package45817 (1.0.0)
    package45818 (1.0.0)
    package45819 (1.0.0)
    package45820 (1.0.0)
    package45821 (1.0.0)
    package45822 (1.0.0)
    package45823 (1.0.0)
    package45824 (1.0.0)
    package45825 (1.0.0)
    package45826 (1.0.0)
    package45827 (1.0.0)
    package45828 (1.0.0)
    package45829 (1.0.0)
    package45830 (1.0.0)
    package45831 (1.0.0)
    package45832 (1.0.0)
    package45833 (1.0.0)
    package45834 (1.0.0)
    package45835 (1.0.0)
    package45836 (1.0.0)
    package45837 (1.0.0)
    package45838 (1.0.0)
    package45839 (1.0.0)
    package45840 (1.0.0)
    package45841 (1.0.0)
    package45842 (1.0.0)
    package45843 (1.0.0)
    package45844 (1.0.0)
    package45845 (1.0.0)
    package45846 (1.0.0)
    package45847 (1.0.0)
    package45848 (1.0.0)
    package45849 (1.0.0)
    package45850 (1.0.0)
    package45851 (1.0.0)
    package45852 (1.0.0)
    package45853 (1.0.0)
    package45854 (1.0.0)
    package45855 (1.0.0)
    package45856 (1.0.0)
    package45857 (1.0.0)
    package45858 (1.0.0)
    package45859 (1.0.0)
    package45860 (1.0.0)
    package45861 (1.0.0)
    package45862 (1.0.0)
    package45863 (1.0.0)
    package45864 (1.0.0)
    package45865 (1.0.0)
    package45866 (1.0.0)
    package45867 (1.0.0)
    package45868 (1.0.0)
    package45869 (1.0.0)
    package45870 (1.0.0)
    package45871 (1.0.0)
    package45872 (1.0.0)
    package45873 (1.0.0)
    package45874 (1.0.0)
    package45875 (1.0.0)
    package45876 (1.0.0)
    package45877 (1.0.0)
    package45878 (1.0.0)
    package45879 (1.0.0)
    package45880 (1.0.0)
    package45881 (1.0.0)
    package45882 (1.0.0)
    package45883 (1.0.0)
    package45884 (1.0.0)
    package45885 (1.0.0)
    package45886 (1.0.0)
    package45887 (1.0.0)
    package45888 (1.0.0)
    package45889 (1.0.0)
    package45890 (1.0.0)
    package45891 (1.0.0)
    package45892 (1.0.0)
    package45893 (1.0.0)
    package45894 (1.0.0)
    package45895 (1.0.0)
    package45896 (1.0.0)
    package45897 (1.0.0)
    package45898 (1.0.0)
    package45899 (1.0.0)
    package45900 (1.0.0)
    package45901 (1.0.0)
    package45902 (1.0.0)
    package45903 (1.0.0)
    package45904 (1.0.0)
    package45905 (1.0.0)
    package45906 (1.0.0)
    package45907 (1.0.0)
    package45908 (1.0.0)
    package45909 (1.0.0)
    package45910 (1.0.0)
    package45911 (1.0.0)
    package45912 (1.0.0)
    package45913 (1.0.0)
    package45914 (1.0.0)
    package45915 (1.0.0)
    package45916 (1.0.0)
    package45917 (1.0.0)
    package45918 (1.0.0)
    package45919 (1.0.0)
    package45920 (1.0.0)
    package45921 (1.0.0)
    package45922 (1.0.0)
    package45923 (1.0.0)
    package45924 (1.0.0)
    package45925 (1.0.0)
    package45926 (1.0.0)
    package45927 (1.0.0)
    package45928 (1.0.0)
    package45929 (1.0.0)
    package45930 (1.0.0)
    package45931 (1.0.0)
    package45932 (1.0.0)
    package45933 (1.0.0)
    package45934 (1.0.0)
    package45935 (1.0.0)
    package45936 (1.0.0)
    package45937 (1.0.0)
    package45938 (1.0.0)
    package45939 (1.0.0)
    package45940 (1.0.0)
    package45941 (1.0.0)
    package45942 (1.0.0)
    package45943 (1.0.0)
    package45944 (1.0.0)
    package45945 (1.0.0)
    package45946 (1.0.0)
    package45947 (1.0.0)
    package45948 (1.0.0)
    package45949 (1.0.0)
    package45950 (1.0.0)
    package45951 (1.0.0)
    package45952 (1.0.0)
    package45953 (1.0.0)
    package45954 (1.0.0)
    package45955 (1.0.0)
    package45956 (1.0.0)
    package45957 (1.0.0)
    package45958 (1.0.0)
    package45959 (1.0.0)
    package45960 (1.0.0)
    package45961 (1.0.0)
    package45962 (1.0.0)
    package45963 (1.0.0)
    package45964 (1.0.0)
    package45965 (1.0.0)
    package45966 (1.0.0)
    package45967 (1.0.0)
    package45968 (1.0.0)
    package45969 (1.0.0)
    package45970 (1.0.0)
    package45971 (1.0.0)
    package45972 (1.0.0)
    package45973 (1.0.0)
    package45974 (1.0.0)
    package45975 (1.0.0)
    package45976 (1.0.0)
    package45977 (1.0.0)
    package45978 (1.0.0)
    package45979 (1.0.0)
    package45980 (1.0.0)
    package45981 (1.0.0)
    package45982 (1.0.0)
    package45983 (1.0.0)
    package45984 (1.0.0)
    package45985 (1.0.0)
    package45986 (1.0.0)
    package45987 (1.0.0)
    package45988 (1.0.0)
    package45989 (1.0.0)
    package45990 (1.0.0)
    package45991 (1.0.0)
    package45992 (1.0.0)
    package45993 (1.0.0)
    package45994 (1.0.0)
    package45995 (1.0.0)
    package45996 (1.0.0)
    package45997 (1.0.0)
    package45998 (1.0.0)
    package45999 (1.0.0)
    package46000 (1.0.0)
    package46001 (1.0.0)
    package46002 (1.0.0)
    package46003 (1.0.0)
    package46004 (1.0.0)
    package46005 (1.0.0)
    package46006 (1.0.0)
    package46007 (1.0.0)
    package46008 (1.0.0)
    package46009 (1.0.0)
    package46010 (1.0.0)
    package46011 (1.0.0)
    package46012 (1.0.0)
    package46013 (1.0.0)
    package46014 (1.0.0)
    package46015 (1.0.0)
    package46016 (1.0.0)
    package46017 (1.0.0)
    package46018 (1.0.0)
    package46019 (1.0.0)
    package46020 (1.0.0)
    package46021 (1.0.0)
    package46022 (1.0.0)
    package46023 (1.0.0)
    package46024 (1.0.0)
    package46025 (1.0.0)
    package46026 (1.0.0)
    package46027 (1.0.0)
    package46028 (1.0.0)
    package46029 (1.0.0)
    package46030 (1.0.0)
    package46031 (1.0.0)
    package46032 (1.0.0)
    package46033 (1.0.0)
    package46034 (1.0.0)
    package46035 (1.0.0)
    package46036 (1.0.0)
    package46037 (1.0.0)
    package46038 (1.0.0)
    package46039 (1.0.0)
    package46040 (1.0.0)
    package46041 (1.0.0)
    package46042 (1.0.0)
    package46043 (1.0.0)
    package46044 (1.0.0)
    package46045 (1.0.0)
    package46046 (1.0.0)
    package46047 (1.0.0)
    package46048 (1.0.0)
    package46049 (1.0.0)
    package46050 (1.0.0)
    package46051 (1.0.0)
    package46052 (1.0.0)
    package46053 (1.0.0)
    package46054 (1.0.0)
    package46055 (1.0.0)
    package46056 (1.0.0)
    package46057 (1.0.0)
    package46058 (1.0.0)
    package46059 (1.0.0)
    package46060 (1.0.0)
    package46061 (1.0.0)
    package46062 (1.0.0)
    package46063 (1.0.0)
    package46064 (1.0.0)
    package46065 (1.0.0)
    package46066 (1.0.0)
    package46067 (1.0.0)
    package46068 (1.0.0)
    package46069 (1.0.0)
    package46070 (1.0.0)
    package46071 (1.0.0)
    package46072 (1.0.0)
    package46073 (1.0.0)
    package46074 (1.0.0)
    package46075 (1.0.0)
    package46076 (1.0.0)
    package46077 (1.0.0)
    package46078 (1.0.0)
    package46079 (1.0.0)
    package46080 (1.0.0)
    package46081 (1.0.0)
    package46082 (1.0.0)
    package46083 (1.0.0)
    package46084 (1.0.0)
    package46085 (1.0.0)
    package46086 (1.0.0)
    package46087 (1.0.0)
    package46088 (1.0.0)
    package46089 (1.0.0)
    package46090 (1.0.0)
    package46091 (1.0.0)
    package46092 (1.0.0)
    package46093 (1.0.0)
    package46094 (1.0.0)
    package46095 (1.0.0)
    package46096 (1.0.0)
    package46097 (1.0.0)
    package46098 (1.0.0)
    package46099 (1.0.0)
    package46100 (1.0.0)
    package46101 (1.0.0)
    package46102 (1.0.0)
    package46103 (1.0.0)
    package46104 (1.0.0)
    package46105 (1.0.0)
    package46106 (1.0.0)
    package46107 (1.0.0)
    package46108 (1.0.0)
    package46109 (1.0.0)
    package46110 (1.0.0)
    package46111 (1.0.0)
    package46112 (1.0.0)
    package46113 (1.0.0)
    package46114 (1.0.0)
    package46115 (1.0.0)
    package46116 (1.0.0)
    package46117 (1.0.0)
    package46118 (1.0.0)
    package46119 (1.0.0)
    package46120 (1.0.0)
    package46121 (1.0.0)
    package46122 (1.0.0)
    package46123 (1.0.0)
    package46124 (1.0.0)
    package46125 (1.0.0)
    package46126 (1.0.0)
    package46127 (1.0.0)
    package46128 (1.0.0)
    package46129 (1.0.0)
    package46130 (1.0.0)
    package46131 (1.0.0)
    package46132 (1.0.0)
    package46133 (1.0.0)
    package46134 (1.0.0)
    package46135 (1.0.0)
    package46136 (1.0.0)
    package46137 (1.0.0)
    package46138 (1.0.0)
    package46139 (1.0.0)
    package46140 (1.0.0)
    package46141 (1.0.0)
    package46142 (1.0.0)
    package46143 (1.0.0)
    package46144 (1.0.0)
    package46145 (1.0.0)
    package46146 (1.0.0)
    package46147 (1.0.0)
    package46148 (1.0.0)
    package46149 (1.0.0)
    package46150 (1.0.0)
    package46151 (1.0.0)
    package46152 (1.0.0)
    package46153 (1.0.0)
    package46154 (1.0.0)
    package46155 (1.0.0)
    package46156 (1.0.0)
    package46157 (1.0.0)
    package46158 (1.0.0)
    package46159 (1.0.0)
    package46160 (1.0.0)
    package46161 (1.0.0)
    package46162 (1.0.0)
    package46163 (1.0.0)
    package46164 (1.0.0)
    package46165 (1.0.0)
    package46166 (1.0.0)
    package46167 (1.0.0)
    package46168 (1.0.0)
    package46169 (1.0.0)
    package46170 (1.0.0)
    package46171 (1.0.0)
    package46172 (1.0.0)
    package46173 (1.0.0)
    package46174 (1.0.0)
    package46175 (1.0.0)
    package46176 (1.0.0)
    package46177 (1.0.0)
    package46178 (1.0.0)
    package46179 (1.0.0)
    package46180 (1.0.0)
    package46181 (1.0.0)
    package46182 (1.0.0)
    package46183 (1.0.0)
    package46184 (1.0.0)
    package46185 (1.0.0)
    package46186 (1.0.0)
    package46187 (1.0.0)
    package46188 (1.0.0)
    package46189 (1.0.0)
    package46190 (1.0.0)
    package46191 (1.0.0)
    package46192 (1.0.0)
    package46193 (1.0.0)
    package46194 (1.0.0)
    package46195 (1.0.0)
    package46196 (1.0.0)
    package46197 (1.0.0)
    package46198 (1.0.0)
    package46199 (1.0.0)
    package46200 (1.0.0)
    package46201 (1.0.0)
    package46202 (1.0.0)
    package46203 (1.0.0)
    package46204 (1.0.0)
    package46205 (1.0.0)
    package46206 (1.0.0)
    package46207 (1.0.0)
    package46208 (1.0.0)
    package46209 (1.0.0)
    package46210 (1.0.0)
    package46211 (1.0.0)
    package46212 (1.0.0)
    package46213 (1.0.0)
    package46214 (1.0.0)
    package46215 (1.0.0)
    package46216 (1.0.0)
    package46217 (1.0.0)
    package46218 (1.0.0)
    package46219 (1.0.0)
    package46220 (1.0.0)
    package46221 (1.0.0)
    package46222 (1.0.0)
    package46223 (1.0.0)
    package46224 (1.0.0)
    package46225 (1.0.0)
    package46226 (1.0.0)
    package46227 (1.0.0)
    package46228 (1.0.0)
    package46229 (1.0.0)
    package46230 (1.0.0)
    package46231 (1.0.0)
    package46232 (1.0.0)
    package46233 (1.0.0)
    package46234 (1.0.0)
    package46235 (1.0.0)
    package46236 (1.0.0)
    package46237 (1.0.0)
    package46238 (1.0.0)
    package46239 (1.0.0)
    package46240 (1.0.0)
    package46241 (1.0.0)
    package46242 (1.0.0)
    package46243 (1.0.0)
    package46244 (1.0.0)
    package46245 (1.0.0)
    package46246 (1.0.0)
    package46247 (1.0.0)
    package46248 (1.0.0)
    package46249 (1.0.0)
    package46250 (1.0.0)
    package46251 (1.0.0)
    package46252 (1.0.0)
    package46253 (1.0.0)
    package46254 (1.0.0)
    package46255 (1.0.0)
    package46256 (1.0.0)
    package46257 (1.0.0)
    package46258 (1.0.0)
    package46259 (1.0.0)
    package46260 (1.0.0)
    package46261 (1.0.0)
    package46262 (1.0.0)
    package46263 (1.0.0)
    package46264 (1.0.0)
    package46265 (1.0.0)
    package46266 (1.0.0)
    package46267 (1.0.0)
    package46268 (1.0.0)
    package46269 (1.0.0)
    package46270 (1.0.0)
    package46271 (1.0.0)
    package46272 (1.0.0)
    package46273 (1.0.0)
    package46274 (1.0.0)
    package46275 (1.0.0)
    package46276 (1.0.0)
    package46277 (1.0.0)
    package46278 (1.0.0)
    package46279 (1.0.0)
    package46280 (1.0.0)
    package46281 (1.0.0)
    package46282 (1.0.0)
    package46283 (1.0.0)
    package46284 (1.0.0)
    package46285 (1.0.0)
    package46286 (1.0.0)
    package46287 (1.0.0)
    package46288 (1.0.0)
    package46289 (1.0.0)
    package46290 (1.0.0)
    package46291 (1.0.0)
    package46292 (1.0.0)
    package46293 (1.0.0)
    package46294 (1.0.0)
    package46295 (1.0.0)
    package46296 (1.0.0)
    package46297 (1.0.0)
    package46298 (1.0.0)
    package46299 (1.0.0)
    package46300 (1.0.0)
    package46301 (1.0.0)
    package46302 (1.0.0)
    package46303 (1.0.0)
    package46304 (1.0.0)
    package46305 (1.0.0)
    package46306 (1.0.0)
    package46307 (1.0.0)
    package46308 (1.0.0)
    package46309 (1.0.0)
    package46310 (1.0.0)
    package46311 (1.0.0)
    package46312 (1.0.0)
    package46313 (1.0.0)
    package46314 (1.0.0)
    package46315 (1.0.0)
    package46316 (1.0.0)
    package46317 (1.0.0)
    package46318 (1.0.0)
    package46319 (1.0.0)
    package46320 (1.0.0)
    package46321 (1.0.0)
    package46322 (1.0.0)
    package46323 (1.0.0)
    package46324 (1.0.0)
    package46325 (1.0.0)
    package46326 (1.0.0)
    package46327 (1.0.0)
    package46328 (1.0.0)
    package46329 (1.0.0)
    package46330 (1.0.0)
    package46331 (1.0.0)
    package46332 (1.0.0)
    package46333 (1.0.0)
    package46334 (1.0.0)
    package46335 (1.0.0)
    package46336 (1.0.0)
    package46337 (1.0.0)
    package46338 (1.0.0)
    package46339 (1.0.0)
    package46340 (1.0.0)
    package46341 (1.0.0)
    package46342 (1.0.0)
    package46343 (1.0.0)
    package46344 (1.0.0)
    package46345 (1.0.0)
    package46346 (1.0.0)
    package46347 (1.0.0)
    package46348 (1.0.0)
    package46349 (1.0.0)
    package46350 (1.0.0)
    package46351 (1.0.0)
    package46352 (1.0.0)
    package46353 (1.0.0)
    package46354 (1.0.0)
    package46355 (1.0.0)
    package46356 (1.0.0)
    package46357 (1.0.0)
    package46358 (1.0.0)
    package46359 (1.0.0)
    package46360 (1.0.0)
    package46361 (1.0.0)
    package46362 (1.0.0)
    package46363 (1.0.0)
    package46364 (1.0.0)
    package46365 (1.0.0)
    package46366 (1.0.0)
    package46367 (1.0.0)
    package46368 (1.0.0)
    package46369 (1.0.0)
    package46370 (1.0.0)
    package46371 (1.0.0)
    package46372 (1.0.0)
    package46373 (1.0.0)
    package46374 (1.0.0)
    package46375 (1.0.0)
    package46376 (1.0.0)
    package46377 (1.0.0)
    package46378 (1.0.0)
    package46379 (1.0.0)
    package46380 (1.0.0)
    package46381 (1.0.0)
    package46382 (1.0.0)
    package46383 (1.0.0)
    package46384 (1.0.0)
    package46385 (1.0.0)
    package46386 (1.0.0)
    package46387 (1.0.0)
    package46388 (1.0.0)
    package46389 (1.0.0)
    package46390 (1.0.0)
    package46391 (1.0.0)
    package46392 (1.0.0)
    package46393 (1.0.0)
    package46394 (1.0.0)
    package46395 (1.0.0)
    package46396 (1.0.0)
    package46397 (1.0.0)
    package46398 (1.0.0)
    package46399 (1.0.0)
    package46400 (1.0.0)
    package46401 (1.0.0)
    package46402 (1.0.0)
    package46403 (1.0.0)
    package46404 (1.0.0)
    package46405 (1.0.0)
    package46406 (1.0.0)
    package46407 (1.0.0)
    package46408 (1.0.0)
    package46409 (1.0.0)
    package46410 (1.0.0)
    package46411 (1.0.0)
    package46412 (1.0.0)
    package46413 (1.0.0)
    package46414 (1.0.0)
    package46415 (1.0.0)
    package46416 (1.0.0)
    package46417 (1.0.0)
    package46418 (1.0.0)
    package46419 (1.0.0)
    package46420 (1.0.0)
    package46421 (1.0.0)
    package46422 (1.0.0)
    package46423 (1.0.0)
    package46424 (1.0.0)
    package46425 (1.0.0)
    package46426 (1.0.0)
    package46427 (1.0.0)
    package46428 (1.0.0)
    package46429 (1.0.0)
    package46430 (1.0.0)
    package46431 (1.0.0)
    package46432 (1.0.0)
    package46433 (1.0.0)
    package46434 (1.0.0)
    package46435 (1.0.0)
    package46436 (1.0.0)
    package46437 (1.0.0)
    package46438 (1.0.0)
    package46439 (1.0.0)
    package46440 (1.0.0)
    package46441 (1.0.0)
    package46442 (1.0.0)
    package46443 (1.0.0)
    package46444 (1.0.0)
    package46445 (1.0.0)
    package46446 (1.0.0)
    package46447 (1.0.0)
    package46448 (1.0.0)
    package46449 (1.0.0)
    package46450 (1.0.0)
    package46451 (1.0.0)
    package46452 (1.0.0)
    package46453 (1.0.0)
    package46454 (1.0.0)
    package46455 (1.0.0)
    package46456 (1.0.0)
    package46457 (1.0.0)
    package46458 (1.0.0)
    package46459 (1.0.0)
    package46460 (1.0.0)
    package46461 (1.0.0)
    package46462 (1.0.0)
    package46463 (1.0.0)
    package46464 (1.0.0)
    package46465 (1.0.0)
    package46466 (1.0.0)
    package46467 (1.0.0)
    package46468 (1.0.0)
    package46469 (1.0.0)
    package46470 (1.0.0)
    package46471 (1.0.0)
    package46472 (1.0.0)
    package46473 (1.0.0)
    package46474 (1.0.0)
    package46475 (1.0.0)
    package46476 (1.0.0)
    package46477 (1.0.0)
    package46478 (1.0.0)
    package46479 (1.0.0)
    package46480 (1.0.0)
    package46481 (1.0.0)
    package46482 (1.0.0)
    package46483 (1.0.0)
    package46484 (1.0.0)
    package46485 (1.0.0)
    package46486 (1.0.0)
    package46487 (1.0.0)
    package46488 (1.0.0)
    package46489 (1.0.0)
    package46490 (1.0.0)
    package46491 (1.0.0)
    package46492 (1.0.0)
    package46493 (1.0.0)
    package46494 (1.0.0)
    package46495 (1.0.0)
    package46496 (1.0.0)
    package46497 (1.0.0)
    package46498 (1.0.0)
    package46499 (1.0.0)
    package46500 (1.0.0)
    package46501 (1.0.0)
    package46502 (1.0.0)
    package46503 (1.0.0)
    package46504 (1.0.0)
    package46505 (1.0.0)
    package46506 (1.0.0)
    package46507 (1.0.0)
    package46508 (1.0.0)
    package46509 (1.0.0)
    package46510 (1.0.0)
    package46511 (1.0.0)
    package46512 (1.0.0)
    package46513 (1.0.0)
    package46514 (1.0.0)
    package46515 (1.0.0)
    package46516 (1.0.0)
    package46517 (1.0.0)
    package46518 (1.0.0)
    package46519 (1.0.0)
    package46520 (1.0.0)
    package46521 (1.0.0)
    package46522 (1.0.0)
    package46523 (1.0.0)
    package46524 (1.0.0)
    package46525 (1.0.0)
    package46526 (1.0.0)
    package46527 (1.0.0)
    package46528 (1.0.0)
    package46529 (1.0.0)
    package46530 (1.0.0)
    package46531 (1.0.0)
    package46532 (1.0.0)
    package46533 (1.0.0)
    package46534 (1.0.0)
    package46535 (1.0.0)
    package46536 (1.0.0)
    package46537 (1.0.0)
    package46538 (1.0.0)
    package46539 (1.0.0)
    package46540 (1.0.0)
    package46541 (1.0.0)
    package46542 (1.0.0)
    package46543 (1.0.0)
    package46544 (1.0.0)
    package46545 (1.0.0)
    package46546 (1.0.0)
    package46547 (1.0.0)
    package46548 (1.0.0)
    package46549 (1.0.0)
    package46550 (1.0.0)
    package46551 (1.0.0)
    package46552 (1.0.0)
    package46553 (1.0.0)
    package46554 (1.0.0)
    package46555 (1.0.0)
    package46556 (1.0.0)
    package46557 (1.0.0)
    package46558 (1.0.0)
    package46559 (1.0.0)
    package46560 (1.0.0)
    package46561 (1.0.0)
    package46562 (1.0.0)
    package46563 (1.0.0)
    package46564 (1.0.0)
    package46565 (1.0.0)
    package46566 (1.0.0)
    package46567 (1.0.0)
    package46568 (1.0.0)
    package46569 (1.0.0)
    package46570 (1.0.0)
    package46571 (1.0.0)
    package46572 (1.0.0)
    package46573 (1.0.0)
    package46574 (1.0.0)
    package46575 (1.0.0)
    package46576 (1.0.0)
    package46577 (1.0.0)
    package46578 (1.0.0)
    package46579 (1.0.0)
    package46580 (1.0.0)
    package46581 (1.0.0)
    package46582 (1.0.0)
    package46583 (1.0.0)
    package46584 (1.0.0)
    package46585 (1.0.0)
    package46586 (1.0.0)
    package46587 (1.0.0)
    package46588 (1.0.0)
    package46589 (1.0.0)
    package46590 (1.0.0)
    package46591 (1.0.0)
    package46592 (1.0.0)
    package46593 (1.0.0)
    package46594 (1.0.0)
    package46595 (1.0.0)
    package46596 (1.0.0)
    package46597 (1.0.0)
    package46598 (1.0.0)
    package46599 (1.0.0)
    package46600 (1.0.0)
    package46601 (1.0.0)
    package46602 (1.0.0)
    package46603 (1.0.0)
    package46604 (1.0.0)
    package46605 (1.0.0)
    package46606 (1.0.0)
    package46607 (1.0.0)
    package46608 (1.0.0)
    package46609 (1.0.0)
    package46610 (1.0.0)
    package46611 (1.0.0)
    package46612 (1.0.0)
    package46613 (1.0.0)
    package46614 (1.0.0)
    package46615 (1.0.0)
    package46616 (1.0.0)
    package46617 (1.0.0)
    package46618 (1.0.0)
    package46619 (1.0.0)
    package46620 (1.0.0)
    package46621 (1.0.0)
    package46622 (1.0.0)
    package46623 (1.0.0)
    package46624 (1.0.0)
    package46625 (1.0.0)
    package46626 (1.0.0)
    package46627 (1.0.0)
    package46628 (1.0.0)
    package46629 (1.0.0)
    package46630 (1.0.0)
    package46631 (1.0.0)
    package46632 (1.0.0)
    package46633 (1.0.0)
    package46634 (1.0.0)
    package46635 (1.0.0)
    package46636 (1.0.0)
    package46637 (1.0.0)
    package46638 (1.0.0)
    package46639 (1.0.0)
    package46640 (1.0.0)
    package46641 (1.0.0)
    package46642 (1.0.0)
    package46643 (1.0.0)
    package46644 (1.0.0)
    package46645 (1.0.0)
    package46646 (1.0.0)
    package46647 (1.0.0)
    package46648 (1.0.0)
    package46649 (1.0.0)
    package46650 (1.0.0)
    package46651 (1.0.0)
    package46652 (1.0.0)
    package46653 (1.0.0)
    package46654 (1.0.0)
    package46655 (1.0.0)
    package46656 (1.0.0)
    package46657 (1.0.0)
    package46658 (1.0.0)
    package46659 (1.0.0)
    package46660 (1.0.0)
    package46661 (1.0.0)
    package46662 (1.0.0)
    package46663 (1.0.0)
    package46664 (1.0.0)
    package46665 (1.0.0)
    package46666 (1.0.0)
    package46667 (1.0.0)
    package46668 (1.0.0)
    package46669 (1.0.0)
    package46670 (1.0.0)
    package46671 (1.0.0)
    package46672 (1.0.0)
    package46673 (1.0.0)
    package46674 (1.0.0)
    package46675 (1.0.0)
    package46676 (1.0.0)
    package46677 (1.0.0)
    package46678 (1.0.0)
    package46679 (1.0.0)
    package46680 (1.0.0)
    package46681 (1.0.0)
    package46682 (1.0.0)
    package46683 (1.0.0)
    package46684 (1.0.0)
    package46685 (1.0.0)
    package46686 (1.0.0)
    package46687 (1.0.0)
    package46688 (1.0.0)
    package46689 (1.0.0)
    package46690 (1.0.0)
    package46691 (1.0.0)
    package46692 (1.0.0)
    package46693 (1.0.0)
    package46694 (1.0.0)
    package46695 (1.0.0)
    package46696 (1.0.0)
    package46697 (1.0.0)
    package46698 (1.0.0)
    package46699 (1.0.0)
    package46700 (1.0.0)
    package46701 (1.0.0)
    package46702 (1.0.0)
    package46703 (1.0.0)
    package46704 (1.0.0)
    package46705 (1.0.0)
    package46706 (1.0.0)
    package46707 (1.0.0)
    package46708 (1.0.0)
    package46709 (1.0.0)
    package46710 (1.0.0)
    package46711 (1.0.0)
    package46712 (1.0.0)
    package46713 (1.0.0)
    package46714 (1.0.0)
    package46715 (1.0.0)
    package46716 (1.0.0)
    package46717 (1.0.0)
    package46718 (1.0.0)
    package46719 (1.0.0)
    package46720 (1.0.0)
    package46721 (1.0.0)
    package46722 (1.0.0)
    package46723 (1.0.0)
    package46724 (1.0.0)
    package46725 (1.0.0)
    package46726 (1.0.0)
    package46727 (1.0.0)
    package46728 (1.0.0)
    package46729 (1.0.0)
    package46730 (1.0.0)
    package46731 (1.0.0)
    package46732 (1.0.0)
    package46733 (1.0.0)
    package46734 (1.0.0)
    package46735 (1.0.0)
    package46736 (1.0.0)
    package46737 (1.0.0)
    package46738 (1.0.0)
    package46739 (1.0.0)
    package46740 (1.0.0)
    package46741 (1.0.0)
    package46742 (1.0.0)
    package46743 (1.0.0)
    package46744 (1.0.0)
    package46745 (1.0.0)
    package46746 (1.0.0)
    package46747 (1.0.0)
    package46748 (1.0.0)
    package46749 (1.0.0)
    package46750 (1.0.0)
    package46751 (1.0.0)
    package46752 (1.0.0)
    package46753 (1.0.0)
    package46754 (1.0.0)
    package46755 (1.0.0)
    package46756 (1.0.0)
    package46757 (1.0.0)
    package46758 (1.0.0)
    package46759 (1.0.0)
    package46760 (1.0.0)
    package46761 (1.0.0)
    package46762 (1.0.0)
    package46763 (1.0.0)
    package46764 (1.0.0)
    package46765 (1.0.0)
    package46766 (1.0.0)
    package46767 (1.0.0)
    package46768 (1.0.0)
    package46769 (1.0.0)
    package46770 (1.0.0)
    package46771 (1.0.0)
    package46772 (1.0.0)
    package46773 (1.0.0)
    package46774 (1.0.0)
    package46775 (1.0.0)
    package46776 (1.0.0)
    package46777 (1.0.0)
    package46778 (1.0.0)
    package46779 (1.0.0)
    package46780 (1.0.0)
    package46781 (1.0.0)
    package46782 (1.0.0)
    package46783 (1.0.0)
    package46784 (1.0.0)
    package46785 (1.0.0)
    package46786 (1.0.0)
    package46787 (1.0.0)
    package46788 (1.0.0)
    package46789 (1.0.0)
    package46790 (1.0.0)
    package46791 (1.0.0)
    package46792 (1.0.0)
    package46793 (1.0.0)
    package46794 (1.0.0)
    package46795 (1.0.0)
    package46796 (1.0.0)
    package46797 (1.0.0)
    package46798 (1.0.0)
    package46799 (1.0.0)
    package46800 (1.0.0)
    package46801 (1.0.0)
    package46802 (1.0.0)
    package46803 (1.0.0)
    package46804 (1.0.0)
    package46805 (1.0.0)
    package46806 (1.0.0)
    package46807 (1.0.0)
    package46808 (1.0.0)
    package46809 (1.0.0)
    package46810 (1.0.0)
    package46811 (1.0.0)
    package46812 (1.0.0)
    package46813 (1.0.0)
    package46814 (1.0.0)
    package46815 (1.0.0)
    package46816 (1.0.0)
    package46817 (1.0.0)
    package46818 (1.0.0)
    package46819 (1.0.0)
    package46820 (1.0.0)
    package46821 (1.0.0)
    package46822 (1.0.0)
    package46823 (1.0.0)
    package46824 (1.0.0)
    package46825 (1.0.0)
    package46826 (1.0.0)
    package46827 (1.0.0)
    package46828 (1.0.0)
    package46829 (1.0.0)
    package46830 (1.0.0)
    package46831 (1.0.0)
    package46832 (1.0.0)
    package46833 (1.0.0)
    package46834 (1.0.0)
    package46835 (1.0.0)
    package46836 (1.0.0)
    package46837 (1.0.0)
    package46838 (1.0.0)
    package46839 (1.0.0)
    package46840 (1.0.0)
    package46841 (1.0.0)
    package46842 (1.0.0)
    package46843 (1.0.0)
    package46844 (1.0.0)
    package46845 (1.0.0)
    package46846 (1.0.0)
    package46847 (1.0.0)
    package46848 (1.0.0)
    package46849 (1.0.0)
    package46850 (1.0.0)
    package46851 (1.0.0)
    package46852 (1.0.0)
    package46853 (1.0.0)
    package46854 (1.0.0)
    package46855 (1.0.0)
    package46856 (1.0.0)
    package46857 (1.0.0)
    package46858 (1.0.0)
    package46859 (1.0.0)
    package46860 (1.0.0)
    package46861 (1.0.0)
    package46862 (1.0.0)
    package46863 (1.0.0)
    package46864 (1.0.0)
    package46865 (1.0.0)
    package46866 (1.0.0)
    package46867 (1.0.0)
    package46868 (1.0.0)
    package46869 (1.0.0)
    package46870 (1.0.0)
    package46871 (1.0.0)
    package46872 (1.0.0)
    package46873 (1.0.0)
    package46874 (1.0.0)
    package46875 (1.0.0)
    package46876 (1.0.0)
    package46877 (1.0.0)
    package46878 (1.0.0)
    package46879 (1.0.0)
    package46880 (1.0.0)
    package46881 (1.0.0)
    package46882 (1.0.0)
    package46883 (1.0.0)
    package46884 (1.0.0)
    package46885 (1.0.0)
    package46886 (1.0.0)
    package46887 (1.0.0)
    package46888 (1.0.0)
    package46889 (1.0.0)
    package46890 (1.0.0)
    package46891 (1.0.0)
    package46892 (1.0.0)
    package46893 (1.0.0)
    package46894 (1.0.0)
    package46895 (1.0.0)
    package46896 (1.0.0)
    package46897 (1.0.0)
    package46898 (1.0.0)
    package46899 (1.0.0)
    package46900 (1.0.0)
    package46901 (1.0.0)
    package46902 (1.0.0)
    package46903 (1.0.0)
    package46904 (1.0.0)
    package46905 (1.0.0)
    package46906 (1.0.0)
    package46907 (1.0.0)
    package46908 (1.0.0)
    package46909 (1.0.0)
    package46910 (1.0.0)
    package46911 (1.0.0)
    package46912 (1.0.0)
    package46913 (1.0.0)
    package46914 (1.0.0)
    package46915 (1.0.0)
    package46916 (1.0.0)
    package46917 (1.0.0)
    package46918 (1.0.0)
    package46919 (1.0.0)
    package46920 (1.0.0)
    package46921 (1.0.0)
    package46922 (1.0.0)
    package46923 (1.0.0)
    package46924 (1.0.0)
    package46925 (1.0.0)
    package46926 (1.0.0)
    package46927 (1.0.0)
    package46928 (1.0.0)
    package46929 (1.0.0)
    package46930 (1.0.0)
    package46931 (1.0.0)
    package46932 (1.0.0)
    package46933 (1.0.0)
    package46934 (1.0.0)
    package46935 (1.0.0)
    package46936 (1.0.0)
    package46937 (1.0.0)
    package46938 (1.0.0)
    package46939 (1.0.0)
    package46940 (1.0.0)
    package46941 (1.0.0)
    package46942 (1.0.0)
    package46943 (1.0.0)
    package46944 (1.0.0)
    package46945 (1.0.0)
    package46946 (1.0.0)
    package46947 (1.0.0)
    package46948 (1.0.0)
    package46949 (1.0.0)
    package46950 (1.0.0)
    package46951 (1.0.0)
    package46952 (1.0.0)
    package46953 (1.0.0)
    package46954 (1.0.0)
    package46955 (1.0.0)
    package46956 (1.0.0)
    package46957 (1.0.0)
    package46958 (1.0.0)
    package46959 (1.0.0)
    package46960 (1.0.0)
    package46961 (1.0.0)
    package46962 (1.0.0)
    package46963 (1.0.0)
    package46964 (1.0.0)
    package46965 (1.0.0)
    package46966 (1.0.0)
    package46967 (1.0.0)
    package46968 (1.0.0)
    package46969 (1.0.0)
    package46970 (1.0.0)
    package46971 (1.0.0)
    package46972 (1.0.0)
    package46973 (1.0.0)
    package46974 (1.0.0)
    package46975 (1.0.0)
    package46976 (1.0.0)
    package46977 (1.0.0)
    package46978 (1.0.0)
    package46979 (1.0.0)
    package46980 (1.0.0)
    package46981 (1.0.0)
    package46982 (1.0.0)
    package46983 (1.0.0)
    package46984 (1.0.0)
    package46985 (1.0.0)
    package46986 (1.0.0)
    package46987 (1.0.0)
    package46988 (1.0.0)
    package46989 (1.0.0)
    package46990 (1.0.0)
    package46991 (1.0.0)
    package46992 (1.0.0)
    package46993 (1.0.0)
    package46994 (1.0.0)
    package46995 (1.0.0)
    package46996 (1.0.0)
    package46997 (1.0.0)
    package46998 (1.0.0)
    package46999 (1.0.0)
    package47000 (1.0.0)
    package47001 (1.0.0)
    package47002 (1.0.0)
    package47003 (1.0.0)
    package47004 (1.0.0)
    package47005 (1.0.0)
    package47006 (1.0.0)
    package47007 (1.0.0)
    package47008 (1.0.0)
    package47009 (1.0.0)
    package47010 (1.0.0)
    package47011 (1.0.0)
    package47012 (1.0.0)
    package47013 (1.0.0)
    package47014 (1.0.0)
    package47015 (1.0.0)
    package47016 (1.0.0)
    package47017 (1.0.0)
    package47018 (1.0.0)
    package47019 (1.0.0)
    package47020 (1.0.0)
    package47021 (1.0.0)
    package47022 (1.0.0)
    package47023 (1.0.0)
    package47024 (1.0.0)
    package47025 (1.0.0)
    package47026 (1.0.0)
    package47027 (1.0.0)
    package47028 (1.0.0)
    package47029 (1.0.0)
    package47030 (1.0.0)
    package47031 (1.0.0)
    package47032 (1.0.0)
    package47033 (1.0.0)
    package47034 (1.0.0)
    package47035 (1.0.0)
    package47036 (1.0.0)
    package47037 (1.0.0)
    package47038 (1.0.0)
    package47039 (1.0.0)
    package47040 (1.0.0)
    package47041 (1.0.0)
    package47042 (1.0.0)
    package47043 (1.0.0)
    package47044 (1.0.0)
    package47045 (1.0.0)
    package47046 (1.0.0)
    package47047 (1.0.0)
    package47048 (1.0.0)
    package47049 (1.0.0)
    package47050 (1.0.0)
    package47051 (1.0.0)
    package47052 (1.0.0)
    package47053 (1.0.0)
    package47054 (1.0.0)
    package47055 (1.0.0)
    package47056 (1.0.0)
    package47057 (1.0.0)
    package47058 (1.0.0)
    package47059 (1.0.0)
    package47060 (1.0.0)
    package47061 (1.0.0)
    package47062 (1.0.0)
    package47063 (1.0.0)
    package47064 (1.0.0)
    package47065 (1.0.0)
    package47066 (1.0.0)
    package47067 (1.0.0)
    package47068 (1.0.0)
    package47069 (1.0.0)
    package47070 (1.0.0)
    package47071 (1.0.0)
    package47072 (1.0.0)
    package47073 (1.0.0)
    package47074 (1.0.0)
    package47075 (1.0.0)
    package47076 (1.0.0)
    package47077 (1.0.0)
    package47078 (1.0.0)
    package47079 (1.0.0)
    package47080 (1.0.0)
    package47081 (1.0.0)
    package47082 (1.0.0)
    package47083 (1.0.0)
    package47084 (1.0.0)
    package47085 (1.0.0)
    package47086 (1.0.0)
    package47087 (1.0.0)
    package47088 (1.0.0)
    package47089 (1.0.0)
    package47090 (1.0.0)
    package47091 (1.0.0)
    package47092 (1.0.0)
    package47093 (1.0.0)
    package47094 (1.0.0)
    package47095 (1.0.0)
    package47096 (1.0.0)
    package47097 (1.0.0)
    package47098 (1.0.0)
    package47099 (1.0.0)
    package47100 (1.0.0)
    package47101 (1.0.0)
    package47102 (1.0.0)
    package47103 (1.0.0)
    package47104 (1.0.0)
    package47105 (1.0.0)
    package47106 (1.0.0)
    package47107 (1.0.0)
    package47108 (1.0.0)
    package47109 (1.0.0)
    package47110 (1.0.0)
    package47111 (1.0.0)
    package47112 (1.0.0)
    package47113 (1.0.0)
    package47114 (1.0.0)
    package47115 (1.0.0)
    package47116 (1.0.0)
    package47117 (1.0.0)
    package47118 (1.0.0)
    package47119 (1.0.0)
    package47120 (1.0.0)
    package47121 (1.0.0)
    package47122 (1.0.0)
    package47123 (1.0.0)
    package47124 (1.0.0)
    package47125 (1.0.0)
    package47126 (1.0.0)
    package47127 (1.0.0)
    package47128 (1.0.0)
    package47129 (1.0.0)
    package47130 (1.0.0)
    package47131 (1.0.0)
    package47132 (1.0.0)
    package47133 (1.0.0)
    package47134 (1.0.0)
    package47135 (1.0.0)
    package47136 (1.0.0)
    package47137 (1.0.0)
    package47138 (1.0.0)
    package47139 (1.0.0)
    package47140 (1.0.0)
    package47141 (1.0.0)
    package47142 (1.0.0)
    package47143 (1.0.0)
    package47144 (1.0.0)
    package47145 (1.0.0)
    package47146 (1.0.0)
    package47147 (1.0.0)
    package47148 (1.0.0)
    package47149 (1.0.0)
    package47150 (1.0.0)
    package47151 (1.0.0)
    package47152 (1.0.0)
    package47153 (1.0.0)
    package47154 (1.0.0)
    package47155 (1.0.0)
    package47156 (1.0.0)
    package47157 (1.0.0)
    package47158 (1.0.0)
    package47159 (1.0.0)
    package47160 (1.0.0)
    package47161 (1.0.0)
    package47162 (1.0.0)
    package47163 (1.0.0)
    package47164 (1.0.0)
    package47165 (1.0.0)
    package47166 (1.0.0)
    package47167 (1.0.0)
    package47168 (1.0.0)
    package47169 (1.0.0)
    package47170 (1.0.0)
    package47171 (1.0.0)
    package47172 (1.0.0)
    package47173 (1.0.0)
    package47174 (1.0.0)
    package47175 (1.0.0)
    package47176 (1.0.0)
    package47177 (1.0.0)
    package47178 (1.0.0)
    package47179 (1.0.0)
    package47180 (1.0.0)
    package47181 (1.0.0)
    package47182 (1.0.0)
    package47183 (1.0.0)
    package47184 (1.0.0)
    package47185 (1.0.0)
    package47186 (1.0.0)
    package47187 (1.0.0)
    package47188 (1.0.0)
    package47189 (1.0.0)
    package47190 (1.0.0)
    package47191 (1.0.0)
    package47192 (1.0.0)
    package47193 (1.0.0)
    package47194 (1.0.0)
    package47195 (1.0.0)
    package47196 (1.0.0)
    package47197 (1.0.0)
    package47198 (1.0.0)
    package47199 (1.0.0)
    package47200 (1.0.0)
    package47201 (1.0.0)
    package47202 (1.0.0)
    package47203 (1.0.0)
    package47204 (1.0.0)
    package47205 (1.0.0)
    package47206 (1.0.0)
    package47207 (1.0.0)
    package47208 (1.0.0)
    package47209 (1.0.0)
    package47210 (1.0.0)
    package47211 (1.0.0)
    package47212 (1.0.0)
    package47213 (1.0.0)
    package47214 (1.0.0)
    package47215 (1.0.0)
    package47216 (1.0.0)
    package47217 (1.0.0)
    package47218 (1.0.0)
    package47219 (1.0.0)
    package47220 (1.0.0)
    package47221 (1.0.0)
    package47222 (1.0.0)
    package47223 (1.0.0)
    package47224 (1.0.0)
    package47225 (1.0.0)
    package47226 (1.0.0)
    package47227 (1.0.0)
    package47228 (1.0.0)
    package47229 (1.0.0)
    package47230 (1.0.0)
    package47231 (1.0.0)
    package47232 (1.0.0)
    package47233 (1.0.0)
    package47234 (1.0.0)
    package47235 (1.0.0)
    package47236 (1.0.0)
    package47237 (1.0.0)
    package47238 (1.0.0)
    package47239 (1.0.0)
    package47240 (1.0.0)
    package47241 (1.0.0)
    package47242 (1.0.0)
    package47243 (1.0.0)
    package47244 (1.0.0)
    package47245 (1.0.0)
    package47246 (1.0.0)
    package47247 (1.0.0)
    package47248 (1.0.0)
    package47249 (1.0.0)
    package47250 (1.0.0)
    package47251 (1.0.0)
    package47252 (1.0.0)
    package47253 (1.0.0)
    package47254 (1.0.0)
    package47255 (1.0.0)
    package47256 (1.0.0)
    package47257 (1.0.0)
    package47258 (1.0.0)
    package47259 (1.0.0)
    package47260 (1.0.0)
    package47261 (1.0.0)
    package47262 (1.0.0)
    package47263 (1.0.0)
    package47264 (1.0.0)
    package47265 (1.0.0)
    package47266 (1.0.0)
    package47267 (1.0.0)
    package47268 (1.0.0)
    package47269 (1.0.0)
    package47270 (1.0.0)
    package47271 (1.0.0)
    package47272 (1.0.0)
    package47273 (1.0.0)
    package47274 (1.0.0)
    package47275 (1.0.0)
    package47276 (1.0.0)
    package47277 (1.0.0)
    package47278 (1.0.0)
    package47279 (1.0.0)
    package47280 (1.0.0)
    package47281 (1.0.0)
    package47282 (1.0.0)
    package47283 (1.0.0)
    package47284 (1.0.0)
    package47285 (1.0.0)
    package47286 (1.0.0)
    package47287 (1.0.0)
    package47288 (1.0.0)
    package47289 (1.0.0)
    package47290 (1.0.0)
    package47291 (1.0.0)
    package47292 (1.0.0)
    package47293 (1.0.0)
    package47294 (1.0.0)
    package47295 (1.0.0)
    package47296 (1.0.0)
    package47297 (1.0.0)
    package47298 (1.0.0)
    package47299 (1.0.0)
    package47300 (1.0.0)
    package47301 (1.0.0)
    package47302 (1.0.0)
    package47303 (1.0.0)
    package47304 (1.0.0)
    package47305 (1.0.0)
    package47306 (1.0.0)
    package47307 (1.0.0)
    package47308 (1.0.0)
    package47309 (1.0.0)
    package47310 (1.0.0)
    package47311 (1.0.0)
    package47312 (1.0.0)
    package47313 (1.0.0)
    package47314 (1.0.0)
    package47315 (1.0.0)
    package47316 (1.0.0)
    package47317 (1.0.0)
    package47318 (1.0.0)
    package47319 (1.0.0)
    package47320 (1.0.0)
    package47321 (1.0.0)
    package47322 (1.0.0)
    package47323 (1.0.0)
    package47324 (1.0.0)
    package47325 (1.0.0)
    package47326 (1.0.0)
    package47327 (1.0.0)
    package47328 (1.0.0)
    package47329 (1.0.0)
    package47330 (1.0.0)
    package47331 (1.0.0)
    package47332 (1.0.0)
    package47333 (1.0.0)
    package47334 (1.0.0)
    package47335 (1.0.0)
    package47336 (1.0.0)
    package47337 (1.0.0)
    package47338 (1.0.0)
    package47339 (1.0.0)
    package47340 (1.0.0)
    package47341 (1.0.0)
    package47342 (1.0.0)
    package47343 (1.0.0)
    package47344 (1.0.0)
    package47345 (1.0.0)
    package47346 (1.0.0)
    package47347 (1.0.0)
    package47348 (1.0.0)
    package47349 (1.0.0)
    package47350 (1.0.0)
    package47351 (1.0.0)
    package47352 (1.0.0)
    package47353 (1.0.0)
    package47354 (1.0.0)
    package47355 (1.0.0)
    package47356 (1.0.0)
    package47357 (1.0.0)
    package47358 (1.0.0)
    package47359 (1.0.0)
    package47360 (1.0.0)
    package47361 (1.0.0)
    package47362 (1.0.0)
    package47363 (1.0.0)
    package47364 (1.0.0)
    package47365 (1.0.0)
    package47366 (1.0.0)
    package47367 (1.0.0)
    package47368 (1.0.0)
    package47369 (1.0.0)
    package47370 (1.0.0)
    package47371 (1.0.0)
    package47372 (1.0.0)
    package47373 (1.0.0)
    package47374 (1.0.0)
    package47375 (1.0.0)
    package47376 (1.0.0)
    package47377 (1.0.0)
    package47378 (1.0.0)
    package47379 (1.0.0)
    package47380 (1.0.0)
    package47381 (1.0.0)
    package47382 (1.0.0)
    package47383 (1.0.0)
    package47384 (1.0.0)
    package47385 (1.0.0)
    package47386 (1.0.0)
    package47387 (1.0.0)
    package47388 (1.0.0)
    package47389 (1.0.0)
    package47390 (1.0.0)
    package47391 (1.0.0)
    package47392 (1.0.0)
    package47393 (1.0.0)
    package47394 (1.0.0)
    package47395 (1.0.0)
    package47396 (1.0.0)
    package47397 (1.0.0)
    package47398 (1.0.0)
    package47399 (1.0.0)
    package47400 (1.0.0)
    package47401 (1.0.0)
    package47402 (1.0.0)
    package47403 (1.0.0)
    package47404 (1.0.0)
    package47405 (1.0.0)
    package47406 (1.0.0)
    package47407 (1.0.0)
    package47408 (1.0.0)
    package47409 (1.0.0)
    package47410 (1.0.0)
    package47411 (1.0.0)
    package47412 (1.0.0)
    package47413 (1.0.0)
    package47414 (1.0.0)
    package47415 (1.0.0)
    package47416 (1.0.0)
    package47417 (1.0.0)
    package47418 (1.0.0)
    package47419 (1.0.0)
    package47420 (1.0.0)
    package47421 (1.0.0)
    package47422 (1.0.0)
    package47423 (1.0.0)
    package47424 (1.0.0)
    package47425 (1.0.0)
    package47426 (1.0.0)
    package47427 (1.0.0)
    package47428 (1.0.0)
    package47429 (1.0.0)
    package47430 (1.0.0)
    package47431 (1.0.0)
    package47432 (1.0.0)
    package47433 (1.0.0)
    package47434 (1.0.0)
    package47435 (1.0.0)
    package47436 (1.0.0)
    package47437 (1.0.0)
    package47438 (1.0.0)
    package47439 (1.0.0)
    package47440 (1.0.0)
    package47441 (1.0.0)
    package47442 (1.0.0)
    package47443 (1.0.0)
    package47444 (1.0.0)
    package47445 (1.0.0)
    package47446 (1.0.0)
    package47447 (1.0.0)
    package47448 (1.0.0)
    package47449 (1.0.0)
    package47450 (1.0.0)
    package47451 (1.0.0)
    package47452 (1.0.0)
    package47453 (1.0.0)
    package47454 (1.0.0)
    package47455 (1.0.0)
    package47456 (1.0.0)
    package47457 (1.0.0)
    package47458 (1.0.0)
    package47459 (1.0.0)
    package47460 (1.0.0)
    package47461 (1.0.0)
    package47462 (1.0.0)
    package47463 (1.0.0)
    package47464 (1.0.0)
    package47465 (1.0.0)
    package47466 (1.0.0)
    package47467 (1.0.0)
    package47468 (1.0.0)
    package47469 (1.0.0)
    package47470 (1.0.0)
    package47471 (1.0.0)
    package47472 (1.0.0)
    package47473 (1.0.0)
    package47474 (1.0.0)
    package47475 (1.0.0)
    package47476 (1.0.0)
    package47477 (1.0.0)
    package47478 (1.0.0)
    package47479 (1.0.0)
    package47480 (1.0.0)
    package47481 (1.0.0)
    package47482 (1.0.0)
    package47483 (1.0.0)
    package47484 (1.0.0)
    package47485 (1.0.0)
    package47486 (1.0.0)
    package47487 (1.0.0)
    package47488 (1.0.0)
    package47489 (1.0.0)
    package47490 (1.0.0)
    package47491 (1.0.0)
    package47492 (1.0.0)
    package47493 (1.0.0)
    package47494 (1.0.0)
    package47495 (1.0.0)
    package47496 (1.0.0)
    package47497 (1.0.0)
    package47498 (1.0.0)
    package47499 (1.0.0)
    package47500 (1.0.0)
    package47501 (1.0.0)
    package47502 (1.0.0)
    package47503 (1.0.0)
    package47504 (1.0.0)
    package47505 (1.0.0)
    package47506 (1.0.0)
    package47507 (1.0.0)
    package47508 (1.0.0)
    package47509 (1.0.0)
    package47510 (1.0.0)
    package47511 (1.0.0)
    package47512 (1.0.0)
    package47513 (1.0.0)
    package47514 (1.0.0)
    package47515 (1.0.0)
    package47516 (1.0.0)
    package47517 (1.0.0)
    package47518 (1.0.0)
    package47519 (1.0.0)
    package47520 (1.0.0)
    package47521 (1.0.0)
    package47522 (1.0.0)
    package47523 (1.0.0)
    package47524 (1.0.0)
    package47525 (1.0.0)
    package47526 (1.0.0)
    package47527 (1.0.0)
    package47528 (1.0.0)
    package47529 (1.0.0)
    package47530 (1.0.0)
    package47531 (1.0.0)
    package47532 (1.0.0)
    package47533 (1.0.0)
    package47534 (1.0.0)
    package47535 (1.0.0)
    package47536 (1.0.0)
    package47537 (1.0.0)
    package47538 (1.0.0)
    package47539 (1.0.0)
    package47540 (1.0.0)
    package47541 (1.0.0)
    package47542 (1.0.0)
    package47543 (1.0.0)
    package47544 (1.0.0)
    package47545 (1.0.0)
    package47546 (1.0.0)
    package47547 (1.0.0)
    package47548 (1.0.0)
    package47549 (1.0.0)
    package47550 (1.0.0)
    package47551 (1.0.0)
    package47552 (1.0.0)
    package47553 (1.0.0)
    package47554 (1.0.0)
    package47555 (1.0.0)
    package47556 (1.0.0)
    package47557 (1.0.0)
    package47558 (1.0.0)
    package47559 (1.0.0)
    package47560 (1.0.0)
    package47561 (1.0.0)
    package47562 (1.0.0)
    package47563 (1.0.0)
    package47564 (1.0.0)
    package47565 (1.0.0)
    package47566 (1.0.0)
    package47567 (1.0.0)
    package47568 (1.0.0)
    package47569 (1.0.0)
    package47570 (1.0.0)
    package47571 (1.0.0)
    package47572 (1.0.0)
    package47573 (1.0.0)
    package47574 (1.0.0)
    package47575 (1.0.0)
    package47576 (1.0.0)
    package47577 (1.0.0)
    package47578 (1.0.0)
    package47579 (1.0.0)
    package47580 (1.0.0)
    package47581 (1.0.0)
    package47582 (1.0.0)
    package47583 (1.0.0)
    package47584 (1.0.0)
    package47585 (1.0.0)
    package47586 (1.0.0)
    package47587 (1.0.0)
    package47588 (1.0.0)
    package47589 (1.0.0)
    package47590 (1.0.0)
    package47591 (1.0.0)
    package47592 (1.0.0)
    package47593 (1.0.0)
    package47594 (1.0.0)
    package47595 (1.0.0)
    package47596 (1.0.0)
    package47597 (1.0.0)
    package47598 (1.0.0)
    package47599 (1.0.0)
    package47600 (1.0.0)
    package47601 (1.0.0)
    package47602 (1.0.0)
    package47603 (1.0.0)
    package47604 (1.0.0)
    package47605 (1.0.0)
    package47606 (1.0.0)
    package47607 (1.0.0)
    package47608 (1.0.0)
    package47609 (1.0.0)
    package47610 (1.0.0)
    package47611 (1.0.0)
    package47612 (1.0.0)
    package47613 (1.0.0)
    package47614 (1.0.0)
    package47615 (1.0.0)
    package47616 (1.0.0)
    package47617 (1.0.0)
    package47618 (1.0.0)
    package47619 (1.0.0)
    package47620 (1.0.0)
    package47621 (1.0.0)
    package47622 (1.0.0)
    package47623 (1.0.0)
    package47624 (1.0.0)
    package47625 (1.0.0)
    package47626 (1.0.0)
    package47627 (1.0.0)
    package47628 (1.0.0)
    package47629 (1.0.0)
    package47630 (1.0.0)
    package47631 (1.0.0)
    package47632 (1.0.0)
    package47633 (1.0.0)
    package47634 (1.0.0)
    package47635 (1.0.0)
    package47636 (1.0.0)
    package47637 (1.0.0)
    package47638 (1.0.0)
    package47639 (1.0.0)
    package47640 (1.0.0)
    package47641 (1.0.0)
    package47642 (1.0.0)
    package47643 (1.0.0)
    package47644 (1.0.0)
    package47645 (1.0.0)
    package47646 (1.0.0)
    package47647 (1.0.0)
    package47648 (1.0.0)
    package47649 (1.0.0)
    package47650 (1.0.0)
    package47651 (1.0.0)
    package47652 (1.0.0)
    package47653 (1.0.0)
    package47654 (1.0.0)
    package47655 (1.0.0)
    package47656 (1.0.0)
    package47657 (1.0.0)
    package47658 (1.0.0)
    package47659 (1.0.0)
    package47660 (1.0.0)
    package47661 (1.0.0)
    package47662 (1.0.0)
    package47663 (1.0.0)
    package47664 (1.0.0)
    package47665 (1.0.0)
    package47666 (1.0.0)
    package47667 (1.0.0)
    package47668 (1.0.0)
    package47669 (1.0.0)
    package47670 (1.0.0)
    package47671 (1.0.0)
    package47672 (1.0.0)
    package47673 (1.0.0)
    package47674 (1.0.0)
    package47675 (1.0.0)
    package47676 (1.0.0)
    package47677 (1.0.0)
    package47678 (1.0.0)
    package47679 (1.0.0)
    package47680 (1.0.0)
    package47681 (1.0.0)
    package47682 (1.0.0)
    package47683 (1.0.0)
    package47684 (1.0.0)
    package47685 (1.0.0)
    package47686 (1.0.0)
    package47687 (1.0.0)
    package47688 (1.0.0)
    package47689 (1.0.0)
    package47690 (1.0.0)
    package47691 (1.0.0)
    package47692 (1.0.0)
    package47693 (1.0.0)
    package47694 (1.0.0)
    package47695 (1.0.0)
    package47696 (1.0.0)
    package47697 (1.0.0)
    package47698 (1.0.0)
    package47699 (1.0.0)
    package47700 (1.0.0)
    package47701 (1.0.0)
    package47702 (1.0.0)
    package47703 (1.0.0)
    package47704 (1.0.0)
    package47705 (1.0.0)
    package47706 (1.0.0)
    package47707 (1.0.0)
    package47708 (1.0.0)
    package47709 (1.0.0)
    package47710 (1.0.0)
    package47711 (1.0.0)
    package47712 (1.0.0)
    package47713 (1.0.0)
    package47714 (1.0.0)
    package47715 (1.0.0)
    package47716 (1.0.0)
    package47717 (1.0.0)
    package47718 (1.0.0)
    package47719 (1.0.0)
    package47720 (1.0.0)
    package47721 (1.0.0)
    package47722 (1.0.0)
    package47723 (1.0.0)
    package47724 (1.0.0)
    package47725 (1.0.0)
    package47726 (1.0.0)
    package47727 (1.0.0)
    package47728 (1.0.0)
    package47729 (1.0.0)
    package47730 (1.0.0)
    package47731 (1.0.0)
    package47732 (1.0.0)
    package47733 (1.0.0)
    package47734 (1.0.0)
    package47735 (1.0.0)
    package47736 (1.0.0)
    package47737 (1.0.0)
    package47738 (1.0.0)
    package47739 (1.0.0)
    package47740 (1.0.0)
    package47741 (1.0.0)
    package47742 (1.0.0)
    package47743 (1.0.0)
    package47744 (1.0.0)
    package47745 (1.0.0)
    package47746 (1.0.0)
    package47747 (1.0.0)
    package47748 (1.0.0)
    package47749 (1.0.0)
    package47750 (1.0.0)
    package47751 (1.0.0)
    package47752 (1.0.0)
    package47753 (1.0.0)
    package47754 (1.0.0)
    package47755 (1.0.0)
    package47756 (1.0.0)
    package47757 (1.0.0)
    package47758 (1.0.0)
    package47759 (1.0.0)
    package47760 (1.0.0)
    package47761 (1.0.0)
    package47762 (1.0.0)
    package47763 (1.0.0)
    package47764 (1.0.0)
    package47765 (1.0.0)
    package47766 (1.0.0)
    package47767 (1.0.0)
    package47768 (1.0.0)
    package47769 (1.0.0)
    package47770 (1.0.0)
    package47771 (1.0.0)
    package47772 (1.0.0)
    package47773 (1.0.0)
    package47774 (1.0.0)
    package47775 (1.0.0)
    package47776 (1.0.0)
    package47777 (1.0.0)
    package47778 (1.0.0)
    package47779 (1.0.0)
    package47780 (1.0.0)
    package47781 (1.0.0)
    package47782 (1.0.0)
    package47783 (1.0.0)
    package47784 (1.0.0)
    package47785 (1.0.0)
    package47786 (1.0.0)
    package47787 (1.0.0)
    package47788 (1.0.0)
    package47789 (1.0.0)
    package47790 (1.0.0)
    package47791 (1.0.0)
    package47792 (1.0.0)
    package47793 (1.0.0)
    package47794 (1.0.0)
    package47795 (1.0.0)
    package47796 (1.0.0)
    package47797 (1.0.0)
    package47798 (1.0.0)
    package47799 (1.0.0)
    package47800 (1.0.0)
    package47801 (1.0.0)
    package47802 (1.0.0)
    package47803 (1.0.0)
    package47804 (1.0.0)
    package47805 (1.0.0)
    package47806 (1.0.0)
    package47807 (1.0.0)
    package47808 (1.0.0)
    package47809 (1.0.0)
    package47810 (1.0.0)
    package47811 (1.0.0)
    package47812 (1.0.0)
    package47813 (1.0.0)
    package47814 (1.0.0)
    package47815 (1.0.0)
    package47816 (1.0.0)
    package47817 (1.0.0)
    package47818 (1.0.0)
    package47819 (1.0.0)
    package47820 (1.0.0)
    package47821 (1.0.0)
    package47822 (1.0.0)
    package47823 (1.0.0)
    package47824 (1.0.0)
    package47825 (1.0.0)
    package47826 (1.0.0)
    package47827 (1.0.0)
    package47828 (1.0.0)
    package47829 (1.0.0)
    package47830 (1.0.0)
    package47831 (1.0.0)
    package47832 (1.0.0)
    package47833 (1.0.0)
    package47834 (1.0.0)
    package47835 (1.0.0)
    package47836 (1.0.0)
    package47837 (1.0.0)
    package47838 (1.0.0)
    package47839 (1.0.0)
    package47840 (1.0.0)
    package47841 (1.0.0)
    package47842 (1.0.0)
    package47843 (1.0.0)
    package47844 (1.0.0)
    package47845 (1.0.0)
    package47846 (1.0.0)
    package47847 (1.0.0)
    package47848 (1.0.0)
    package47849 (1.0.0)
    package47850 (1.0.0)
    package47851 (1.0.0)
    package47852 (1.0.0)
    package47853 (1.0.0)
    package47854 (1.0.0)
    package47855 (1.0.0)
    package47856 (1.0.0)
    package47857 (1.0.0)
    package47858 (1.0.0)
    package47859 (1.0.0)
    package47860 (1.0.0)
    package47861 (1.0.0)
    package47862 (1.0.0)
    package47863 (1.0.0)
    package47864 (1.0.0)
    package47865 (1.0.0)
    package47866 (1.0.0)
    package47867 (1.0.0)
    package47868 (1.0.0)
    package47869 (1.0.0)
    package47870 (1.0.0)
    package47871 (1.0.0)
    package47872 (1.0.0)
    package47873 (1.0.0)
    package47874 (1.0.0)
    package47875 (1.0.0)
    package47876 (1.0.0)
    package47877 (1.0.0)
    package47878 (1.0.0)
    package47879 (1.0.0)
    package47880 (1.0.0)
    package47881 (1.0.0)
    package47882 (1.0.0)
    package47883 (1.0.0)
    package47884 (1.0.0)
    package47885 (1.0.0)
    package47886 (1.0.0)
    package47887 (1.0.0)
    package47888 (1.0.0)
    package47889 (1.0.0)
    package47890 (1.0.0)
    package47891 (1.0.0)
    package47892 (1.0.0)
    package47893 (1.0.0)
    package47894 (1.0.0)
    package47895 (1.0.0)
    package47896 (1.0.0)
    package47897 (1.0.0)
    package47898 (1.0.0)
    package47899 (1.0.0)
    package47900 (1.0.0)
    package47901 (1.0.0)
    package47902 (1.0.0)
    package47903 (1.0.0)
    package47904 (1.0.0)
    package47905 (1.0.0)
    package47906 (1.0.0)
    package47907 (1.0.0)
    package47908 (1.0.0)
    package47909 (1.0.0)
    package47910 (1.0.0)
    package47911 (1.0.0)
    package47912 (1.0.0)
    package47913 (1.0.0)
    package47914 (1.0.0)
    package47915 (1.0.0)
    package47916 (1.0.0)
    package47917 (1.0.0)
    package47918 (1.0.0)
    package47919 (1.0.0)
    package47920 (1.0.0)
    package47921 (1.0.0)
    package47922 (1.0.0)
    package47923 (1.0.0)
    package47924 (1.0.0)
    package47925 (1.0.0)
    package47926 (1.0.0)
    package47927 (1.0.0)
    package47928 (1.0.0)
    package47929 (1.0.0)
    package47930 (1.0.0)
    package47931 (1.0.0)
    package47932 (1.0.0)
    package47933 (1.0.0)
    package47934 (1.0.0)
    package47935 (1.0.0)
    package47936 (1.0.0)
    package47937 (1.0.0)
    package47938 (1.0.0)
    package47939 (1.0.0)
    package47940 (1.0.0)
    package47941 (1.0.0)
    package47942 (1.0.0)
    package47943 (1.0.0)
    package47944 (1.0.0)
    package47945 (1.0.0)
    package47946 (1.0.0)
    package47947 (1.0.0)
    package47948 (1.0.0)
    package47949 (1.0.0)
    package47950 (1.0.0)
    package47951 (1.0.0)
    package47952 (1.0.0)
    package47953 (1.0.0)
    package47954 (1.0.0)
    package47955 (1.0.0)
    package47956 (1.0.0)
    package47957 (1.0.0)
    package47958 (1.0.0)
    package47959 (1.0.0)
    package47960 (1.0.0)
    package47961 (1.0.0)
    package47962 (1.0.0)
    package47963 (1.0.0)
    package47964 (1.0.0)
    package47965 (1.0.0)
    package47966 (1.0.0)
    package47967 (1.0.0)
    package47968 (1.0.0)
    package47969 (1.0.0)
    package47970 (1.0.0)
    package47971 (1.0.0)
    package47972 (1.0.0)
    package47973 (1.0.0)
    package47974 (1.0.0)
    package47975 (1.0.0)
    package47976 (1.0.0)
    package47977 (1.0.0)
    package47978 (1.0.0)
    package47979 (1.0.0)
    package47980 (1.0.0)
    package47981 (1.0.0)
    package47982 (1.0.0)
    package47983 (1.0.0)
    package47984 (1.0.0)
    package47985 (1.0.0)
    package47986 (1.0.0)
    package47987 (1.0.0)
    package47988 (1.0.0)
    package47989 (1.0.0)
    package47990 (1.0.0)
    package47991 (1.0.0)
    package47992 (1.0.0)
    package47993 (1.0.0)
    package47994 (1.0.0)
    package47995 (1.0.0)
    package47996 (1.0.0)
    package47997 (1.0.0)
    package47998 (1.0.0)
    package47999 (1.0.0)
    package48000 (1.0.0)
    package48001 (1.0.0)
    package48002 (1.0.0)
    package48003 (1.0.0)
    package48004 (1.0.0)
    package48005 (1.0.0)
    package48006 (1.0.0)
    package48007 (1.0.0)
    package48008 (1.0.0)
    package48009 (1.0.0)
    package48010 (1.0.0)
    package48011 (1.0.0)
    package48012 (1.0.0)
    package48013 (1.0.0)
    package48014 (1.0.0)
    package48015 (1.0.0)
    package48016 (1.0.0)
    package48017 (1.0.0)
    package48018 (1.0.0)
    package48019 (1.0.0)
    package48020 (1.0.0)
    package48021 (1.0.0)
    package48022 (1.0.0)
    package48023 (1.0.0)
    package48024 (1.0.0)
    package48025 (1.0.0)
    package48026 (1.0.0)
    package48027 (1.0.0)
    package48028 (1.0.0)
    package48029 (1.0.0)
    package48030 (1.0.0)
    package48031 (1.0.0)
    package48032 (1.0.0)
    package48033 (1.0.0)
    package48034 (1.0.0)
    package48035 (1.0.0)
    package48036 (1.0.0)
    package48037 (1.0.0)
    package48038 (1.0.0)
    package48039 (1.0.0)
    package48040 (1.0.0)
    package48041 (1.0.0)
    package48042 (1.0.0)
    package48043 (1.0.0)
    package48044 (1.0.0)
    package48045 (1.0.0)
    package48046 (1.0.0)
    package48047 (1.0.0)
    package48048 (1.0.0)
    package48049 (1.0.0)
    package48050 (1.0.0)
    package48051 (1.0.0)
    package48052 (1.0.0)
    package48053 (1.0.0)
    package48054 (1.0.0)
    package48055 (1.0.0)
    package48056 (1.0.0)
    package48057 (1.0.0)
    package48058 (1.0.0)
    package48059 (1.0.0)
    package48060 (1.0.0)
    package48061 (1.0.0)
    package48062 (1.0.0)
    package48063 (1.0.0)
    package48064 (1.0.0)
    package48065 (1.0.0)
    package48066 (1.0.0)
    package48067 (1.0.0)
    package48068 (1.0.0)
    package48069 (1.0.0)
    package48070 (1.0.0)
    package48071 (1.0.0)
    package48072 (1.0.0)
    package48073 (1.0.0)
    package48074 (1.0.0)
    package48075 (1.0.0)
    package48076 (1.0.0)
    package48077 (1.0.0)
    package48078 (1.0.0)
    package48079 (1.0.0)
    package48080 (1.0.0)
    package48081 (1.0.0)
    package48082 (1.0.0)
    package48083 (1.0.0)
    package48084 (1.0.0)
    package48085 (1.0.0)
    package48086 (1.0.0)
    package48087 (1.0.0)
    package48088 (1.0.0)
    package48089 (1.0.0)
    package48090 (1.0.0)
    package48091 (1.0.0)
    package48092 (1.0.0)
    package48093 (1.0.0)
    package48094 (1.0.0)
    package48095 (1.0.0)
    package48096 (1.0.0)
    package48097 (1.0.0)
    package48098 (1.0.0)
    package48099 (1.0.0)
    package48100 (1.0.0)
    package48101 (1.0.0)
    package48102 (1.0.0)
    package48103 (1.0.0)
    package48104 (1.0.0)
    package48105 (1.0.0)
    package48106 (1.0.0)
    package48107 (1.0.0)
    package48108 (1.0.0)
    package48109 (1.0.0)
    package48110 (1.0.0)
    package48111 (1.0.0)
    package48112 (1.0.0)
    package48113 (1.0.0)
    package48114 (1.0.0)
    package48115 (1.0.0)
    package48116 (1.0.0)
    package48117 (1.0.0)
    package48118 (1.0.0)
    package48119 (1.0.0)
    package48120 (1.0.0)
    package48121 (1.0.0)
    package48122 (1.0.0)
    package48123 (1.0.0)
    package48124 (1.0.0)
    package48125 (1.0.0)
    package48126 (1.0.0)
    package48127 (1.0.0)
    package48128 (1.0.0)
    package48129 (1.0.0)
    package48130 (1.0.0)
    package48131 (1.0.0)
    package48132 (1.0.0)
    package48133 (1.0.0)
    package48134 (1.0.0)
    package48135 (1.0.0)
    package48136 (1.0.0)
    package48137 (1.0.0)
    package48138 (1.0.0)
    package48139 (1.0.0)
    package48140 (1.0.0)
    package48141 (1.0.0)
    package48142 (1.0.0)
    package48143 (1.0.0)
    package48144 (1.0.0)
    package48145 (1.0.0)
    package48146 (1.0.0)
    package48147 (1.0.0)
    package48148 (1.0.0)
    package48149 (1.0.0)
    package48150 (1.0.0)
    package48151 (1.0.0)
    package48152 (1.0.0)
    package48153 (1.0.0)
    package48154 (1.0.0)
    package48155 (1.0.0)
    package48156 (1.0.0)
    package48157 (1.0.0)
    package48158 (1.0.0)
    package48159 (1.0.0)
    package48160 (1.0.0)
    package48161 (1.0.0)
    package48162 (1.0.0)
    package48163 (1.0.0)
    package48164 (1.0.0)
    package48165 (1.0.0)
    package48166 (1.0.0)
    package48167 (1.0.0)
    package48168 (1.0.0)
    package48169 (1.0.0)
    package48170 (1.0.0)
    package48171 (1.0.0)
    package48172 (1.0.0)
    package48173 (1.0.0)
    package48174 (1.0.0)
    package48175 (1.0.0)
    package48176 (1.0.0)
    package48177 (1.0.0)
    package48178 (1.0.0)
    package48179 (1.0.0)
    package48180 (1.0.0)
    package48181 (1.0.0)
    package48182 (1.0.0)
    package48183 (1.0.0)
    package48184 (1.0.0)
    package48185 (1.0.0)
    package48186 (1.0.0)
    package48187 (1.0.0)
    package48188 (1.0.0)
    package48189 (1.0.0)
    package48190 (1.0.0)
    package48191 (1.0.0)
    package48192 (1.0.0)
    package48193 (1.0.0)
    package48194 (1.0.0)
    package48195 (1.0.0)
    package48196 (1.0.0)
    package48197 (1.0.0)
    package48198 (1.0.0)
    package48199 (1.0.0)
    package48200 (1.0.0)
    package48201 (1.0.0)
    package48202 (1.0.0)
    package48203 (1.0.0)
    package48204 (1.0.0)
    package48205 (1.0.0)
    package48206 (1.0.0)
    package48207 (1.0.0)
    package48208 (1.0.0)
    package48209 (1.0.0)
    package48210 (1.0.0)
    package48211 (1.0.0)
    package48212 (1.0.0)
    package48213 (1.0.0)
    package48214 (1.0.0)
    package48215 (1.0.0)
    package48216 (1.0.0)
    package48217 (1.0.0)
    package48218 (1.0.0)
    package48219 (1.0.0)
    package48220 (1.0.0)
    package48221 (1.0.0)
    package48222 (1.0.0)
    package48223 (1.0.0)
    package48224 (1.0.0)
    package48225 (1.0.0)
    package48226 (1.0.0)
    package48227 (1.0.0)
    package48228 (1.0.0)
    package48229 (1.0.0)
    package48230 (1.0.0)
    package48231 (1.0.0)
    package48232 (1.0.0)
    package48233 (1.0.0)
    package48234 (1.0.0)
    package48235 (1.0.0)
    package48236 (1.0.0)
    package48237 (1.0.0)
    package48238 (1.0.0)
    package48239 (1.0.0)
    package48240 (1.0.0)
    package48241 (1.0.0)
    package48242 (1.0.0)
    package48243 (1.0.0)
    package48244 (1.0.0)
    package48245 (1.0.0)
    package48246 (1.0.0)
    package48247 (1.0.0)
    package48248 (1.0.0)
    package48249 (1.0.0)
    package48250 (1.0.0)
    package48251 (1.0.0)
    package48252 (1.0.0)
    package48253 (1.0.0)
    package48254 (1.0.0)
    package48255 (1.0.0)
    package48256 (1.0.0)
    package48257 (1.0.0)
    package48258 (1.0.0)
    package48259 (1.0.0)
    package48260 (1.0.0)
    package48261 (1.0.0)
    package48262 (1.0.0)
    package48263 (1.0.0)
    package48264 (1.0.0)
    package48265 (1.0.0)
    package48266 (1.0.0)
    package48267 (1.0.0)
    package48268 (1.0.0)
    package48269 (1.0.0)
    package48270 (1.0.0)
    package48271 (1.0.0)
    package48272 (1.0.0)
    package48273 (1.0.0)
    package48274 (1.0.0)
    package48275 (1.0.0)
    package48276 (1.0.0)
    package48277 (1.0.0)
    package48278 (1.0.0)
    package48279 (1.0.0)
    package48280 (1.0.0)
    package48281 (1.0.0)
    package48282 (1.0.0)
    package48283 (1.0.0)
    package48284 (1.0.0)
    package48285 (1.0.0)
    package48286 (1.0.0)
    package48287 (1.0.0)
    package48288 (1.0.0)
    package48289 (1.0.0)
    package48290 (1.0.0)
    package48291 (1.0.0)
    package48292 (1.0.0)
    package48293 (1.0.0)
    package48294 (1.0.0)
    package48295 (1.0.0)
    package48296 (1.0.0)
    package48297 (1.0.0)
    package48298 (1.0.0)
    package48299 (1.0.0)
    package48300 (1.0.0)
    package48301 (1.0.0)
    package48302 (1.0.0)
    package48303 (1.0.0)
    package48304 (1.0.0)
    package48305 (1.0.0)
    package48306 (1.0.0)
    package48307 (1.0.0)
    package48308 (1.0.0)
    package48309 (1.0.0)
    package48310 (1.0.0)
    package48311 (1.0.0)
    package48312 (1.0.0)
    package48313 (1.0.0)
    package48314 (1.0.0)
    package48315 (1.0.0)
    package48316 (1.0.0)
    package48317 (1.0.0)
    package48318 (1.0.0)
    package48319 (1.0.0)
    package48320 (1.0.0)
    package48321 (1.0.0)
    package48322 (1.0.0)
    package48323 (1.0.0)
    package48324 (1.0.0)
    package48325 (1.0.0)
    package48326 (1.0.0)
    package48327 (1.0.0)
    package48328 (1.0.0)
    package48329 (1.0.0)
    package48330 (1.0.0)
    package48331 (1.0.0)
    package48332 (1.0.0)
    package48333 (1.0.0)
    package48334 (1.0.0)
    package48335 (1.0.0)
    package48336 (1.0.0)
    package48337 (1.0.0)
    package48338 (1.0.0)
    package48339 (1.0.0)
    package48340 (1.0.0)
    package48341 (1.0.0)
    package48342 (1.0.0)
    package48343 (1.0.0)
    package48344 (1.0.0)
    package48345 (1.0.0)
    package48346 (1.0.0)
    package48347 (1.0.0)
    package48348 (1.0.0)
    package48349 (1.0.0)
    package48350 (1.0.0)
    package48351 (1.0.0)
    package48352 (1.0.0)
    package48353 (1.0.0)
    package48354 (1.0.0)
    package48355 (1.0.0)
    package48356 (1.0.0)
    package48357 (1.0.0)
    package48358 (1.0.0)
    package48359 (1.0.0)
    package48360 (1.0.0)
    package48361 (1.0.0)
    package48362 (1.0.0)
    package48363 (1.0.0)
    package48364 (1.0.0)
    package48365 (1.0.0)
    package48366 (1.0.0)
    package48367 (1.0.0)
    package48368 (1.0.0)
    package48369 (1.0.0)
    package48370 (1.0.0)
    package48371 (1.0.0)
    package48372 (1.0.0)
    package48373 (1.0.0)
    package48374 (1.0.0)
    package48375 (1.0.0)
    package48376 (1.0.0)
    package48377 (1.0.0)
    package48378 (1.0.0)
    package48379 (1.0.0)
    package48380 (1.0.0)
    package48381 (1.0.0)
    package48382 (1.0.0)
    package48383 (1.0.0)
    package48384 (1.0.0)
    package48385 (1.0.0)
    package48386 (1.0.0)
    package48387 (1.0.0)
    package48388 (1.0.0)
    package48389 (1.0.0)
    package48390 (1.0.0)
    package48391 (1.0.0)
    package48392 (1.0.0)
    package48393 (1.0.0)
    package48394 (1.0.0)
    package48395 (1.0.0)
    package48396 (1.0.0)
    package48397 (1.0.0)
    package48398 (1.0.0)
    package48399 (1.0.0)
    package48400 (1.0.0)
    package48401 (1.0.0)
    package48402 (1.0.0)
    package48403 (1.0.0)
    package48404 (1.0.0)
    package48405 (1.0.0)
    package48406 (1.0.0)
    package48407 (1.0.0)
    package48408 (1.0.0)
    package48409 (1.0.0)
    package48410 (1.0.0)
    package48411 (1.0.0)
    package48412 (1.0.0)
    package48413 (1.0.0)
    package48414 (1.0.0)
    package48415 (1.0.0)
    package48416 (1.0.0)
    package48417 (1.0.0)
    package48418 (1.0.0)
    package48419 (1.0.0)
    package48420 (1.0.0)
    package48421 (1.0.0)
    package48422 (1.0.0)
    package48423 (1.0.0)
    package48424 (1.0.0)
    package48425 (1.0.0)
    package48426 (1.0.0)
    package48427 (1.0.0)
    package48428 (1.0.0)
    package48429 (1.0.0)
    package48430 (1.0.0)
    package48431 (1.0.0)
    package48432 (1.0.0)
    package48433 (1.0.0)
    package48434 (1.0.0)
    package48435 (1.0.0)
    package48436 (1.0.0)
    package48437 (1.0.0)
    package48438 (1.0.0)
    package48439 (1.0.0)
    package48440 (1.0.0)
    package48441 (1.0.0)
    package48442 (1.0.0)
    package48443 (1.0.0)
    package48444 (1.0.0)
    package48445 (1.0.0)
    package48446 (1.0.0)
    package48447 (1.0.0)
    package48448 (1.0.0)
    package48449 (1.0.0)
    package48450 (1.0.0)
    package48451 (1.0.0)
    package48452 (1.0.0)
    package48453 (1.0.0)
    package48454 (1.0.0)
    package48455 (1.0.0)
    package48456 (1.0.0)
    package48457 (1.0.0)
    package48458 (1.0.0)
    package48459 (1.0.0)
    package48460 (1.0.0)
    package48461 (1.0.0)
    package48462 (1.0.0)
    package48463 (1.0.0)
    package48464 (1.0.0)
    package48465 (1.0.0)
    package48466 (1.0.0)
    package48467 (1.0.0)
    package48468 (1.0.0)
    package48469 (1.0.0)
    package48470 (1.0.0)
    package48471 (1.0.0)
    package48472 (1.0.0)
    package48473 (1.0.0)
    package48474 (1.0.0)
    package48475 (1.0.0)
    package48476 (1.0.0)
    package48477 (1.0.0)
    package48478 (1.0.0)
    package48479 (1.0.0)
    package48480 (1.0.0)
    package48481 (1.0.0)
    package48482 (1.0.0)
    package48483 (1.0.0)
    package48484 (1.0.0)
    package48485 (1.0.0)
    package48486 (1.0.0)
    package48487 (1.0.0)
    package48488 (1.0.0)
    package48489 (1.0.0)
    package48490 (1.0.0)
    package48491 (1.0.0)
    package48492 (1.0.0)
    package48493 (1.0.0)
    package48494 (1.0.0)
    package48495 (1.0.0)
    package48496 (1.0.0)
    package48497 (1.0.0)
    package48498 (1.0.0)
    package48499 (1.0.0)
    package48500 (1.0.0)
    package48501 (1.0.0)
    package48502 (1.0.0)
    package48503 (1.0.0)
    package48504 (1.0.0)
    package48505 (1.0.0)
    package48506 (1.0.0)
    package48507 (1.0.0)
    package48508 (1.0.0)
    package48509 (1.0.0)
    package48510 (1.0.0)
    package48511 (1.0.0)
    package48512 (1.0.0)
    package48513 (1.0.0)
    package48514 (1.0.0)
    package48515 (1.0.0)
    package48516 (1.0.0)
    package48517 (1.0.0)
    package48518 (1.0.0)
    package48519 (1.0.0)
    package48520 (1.0.0)
    package48521 (1.0.0)
    package48522 (1.0.0)
    package48523 (1.0.0)
    package48524 (1.0.0)
    package48525 (1.0.0)
    package48526 (1.0.0)
    package48527 (1.0.0)
    package48528 (1.0.0)
    package48529 (1.0.0)
    package48530 (1.0.0)
    package48531 (1.0.0)
    package48532 (1.0.0)
    package48533 (1.0.0)
    package48534 (1.0.0)
    package48535 (1.0.0)
    package48536 (1.0.0)
    package48537 (1.0.0)
    package48538 (1.0.0)
    package48539 (1.0.0)
    package48540 (1.0.0)
    package48541 (1.0.0)
    package48542 (1.0.0)
    package48543 (1.0.0)
    package48544 (1.0.0)
    package48545 (1.0.0)
    package48546 (1.0.0)
    package48547 (1.0.0)
    package48548 (1.0.0)
    package48549 (1.0.0)
    package48550 (1.0.0)
    package48551 (1.0.0)
    package48552 (1.0.0)
    package48553 (1.0.0)
    package48554 (1.0.0)
    package48555 (1.0.0)
    package48556 (1.0.0)
    package48557 (1.0.0)
    package48558 (1.0.0)
    package48559 (1.0.0)
    package48560 (1.0.0)
    package48561 (1.0.0)
    package48562 (1.0.0)
    package48563 (1.0.0)
    package48564 (1.0.0)
    package48565 (1.0.0)
    package48566 (1.0.0)
    package48567 (1.0.0)
    package48568 (1.0.0)
    package48569 (1.0.0)
    package48570 (1.0.0)
    package48571 (1.0.0)
    package48572 (1.0.0)
    package48573 (1.0.0)
    package48574 (1.0.0)
    package48575 (1.0.0)
    package48576 (1.0.0)
    package48577 (1.0.0)
    package48578 (1.0.0)
    package48579 (1.0.0)
    package48580 (1.0.0)
    package48581 (1.0.0)
    package48582 (1.0.0)
    package48583 (1.0.0)
    package48584 (1.0.0)
    package48585 (1.0.0)
    package48586 (1.0.0)
    package48587 (1.0.0)
    package48588 (1.0.0)
    package48589 (1.0.0)
    package48590 (1.0.0)
    package48591 (1.0.0)
    package48592 (1.0.0)
    package48593 (1.0.0)
    package48594 (1.0.0)
    package48595 (1.0.0)
    package48596 (1.0.0)
    package48597 (1.0.0)
    package48598 (1.0.0)
    package48599 (1.0.0)
    package48600 (1.0.0)
    package48601 (1.0.0)
    package48602 (1.0.0)
    package48603 (1.0.0)
    package48604 (1.0.0)
    package48605 (1.0.0)
    package48606 (1.0.0)
    package48607 (1.0.0)
    package48608 (1.0.0)
    package48609 (1.0.0)
    package48610 (1.0.0)
    package48611 (1.0.0)
    package48612 (1.0.0)
    package48613 (1.0.0)
    package48614 (1.0.0)
    package48615 (1.0.0)
    package48616 (1.0.0)
    package48617 (1.0.0)
    package48618 (1.0.0)
    package48619 (1.0.0)
    package48620 (1.0.0)
    package48621 (1.0.0)
    package48622 (1.0.0)
    package48623 (1.0.0)
    package48624 (1.0.0)
    package48625 (1.0.0)
    package48626 (1.0.0)
    package48627 (1.0.0)
    package48628 (1.0.0)
    package48629 (1.0.0)
    package48630 (1.0.0)
    package48631 (1.0.0)
    package48632 (1.0.0)
    package48633 (1.0.0)
    package48634 (1.0.0)
    package48635 (1.0.0)
    package48636 (1.0.0)
    package48637 (1.0.0)
    package48638 (1.0.0)
    package48639 (1.0.0)
    package48640 (1.0.0)
    package48641 (1.0.0)
    package48642 (1.0.0)
    package48643 (1.0.0)
    package48644 (1.0.0)
    package48645 (1.0.0)
    package48646 (1.0.0)
    package48647 (1.0.0)
    package48648 (1.0.0)
    package48649 (1.0.0)
    package48650 (1.0.0)
    package48651 (1.0.0)
    package48652 (1.0.0)
    package48653 (1.0.0)
    package48654 (1.0.0)
    package48655 (1.0.0)
    package48656 (1.0.0)
    package48657 (1.0.0)
    package48658 (1.0.0)
    package48659 (1.0.0)
    package48660 (1.0.0)
    package48661 (1.0.0)
    package48662 (1.0.0)
    package48663 (1.0.0)
    package48664 (1.0.0)
    package48665 (1.0.0)
    package48666 (1.0.0)
    package48667 (1.0.0)
    package48668 (1.0.0)
    package48669 (1.0.0)
    package48670 (1.0.0)
    package48671 (1.0.0)
    package48672 (1.0.0)
    package48673 (1.0.0)
    package48674 (1.0.0)
    package48675 (1.0.0)
    package48676 (1.0.0)
    package48677 (1.0.0)
    package48678 (1.0.0)
    package48679 (1.0.0)
    package48680 (1.0.0)
    package48681 (1.0.0)
    package48682 (1.0.0)
    package48683 (1.0.0)
    package48684 (1.0.0)
    package48685 (1.0.0)
    package48686 (1.0.0)
    package48687 (1.0.0)
    package48688 (1.0.0)
    package48689 (1.0.0)
    package48690 (1.0.0)
    package48691 (1.0.0)
    package48692 (1.0.0)
    package48693 (1.0.0)
    package48694 (1.0.0)
    package48695 (1.0.0)
    package48696 (1.0.0)
    package48697 (1.0.0)
    package48698 (1.0.0)
    package48699 (1.0.0)
    package48700 (1.0.0)
    package48701 (1.0.0)
    package48702 (1.0.0)
    package48703 (1.0.0)
    package48704 (1.0.0)
    package48705 (1.0.0)
    package48706 (1.0.0)
    package48707 (1.0.0)
    package48708 (1.0.0)
    package48709 (1.0.0)
    package48710 (1.0.0)
    package48711 (1.0.0)
    package48712 (1.0.0)
    package48713 (1.0.0)
    package48714 (1.0.0)
    package48715 (1.0.0)
    package48716 (1.0.0)
    package48717 (1.0.0)
    package48718 (1.0.0)
    package48719 (1.0.0)
    package48720 (1.0.0)
    package48721 (1.0.0)
    package48722 (1.0.0)
    package48723 (1.0.0)
    package48724 (1.0.0)
    package48725 (1.0.0)
    package48726 (1.0.0)
    package48727 (1.0.0)
    package48728 (1.0.0)
    package48729 (1.0.0)
    package48730 (1.0.0)
    package48731 (1.0.0)
    package48732 (1.0.0)
    package48733 (1.0.0)
    package48734 (1.0.0)
    package48735 (1.0.0)
    package48736 (1.0.0)
    package48737 (1.0.0)
    package48738 (1.0.0)
    package48739 (1.0.0)
    package48740 (1.0.0)
    package48741 (1.0.0)
    package48742 (1.0.0)
    package48743 (1.0.0)
    package48744 (1.0.0)
    package48745 (1.0.0)
    package48746 (1.0.0)
    package48747 (1.0.0)
    package48748 (1.0.0)
    package48749 (1.0.0)
    package48750 (1.0.0)
    package48751 (1.0.0)
    package48752 (1.0.0)
    package48753 (1.0.0)
    package48754 (1.0.0)
    package48755 (1.0.0)
    package48756 (1.0.0)
    package48757 (1.0.0)
    package48758 (1.0.0)
    package48759 (1.0.0)
    package48760 (1.0.0)
    package48761 (1.0.0)
    package48762 (1.0.0)
    package48763 (1.0.0)
    package48764 (1.0.0)
    package48765 (1.0.0)
    package48766 (1.0.0)
    package48767 (1.0.0)
    package48768 (1.0.0)
    package48769 (1.0.0)
    package48770 (1.0.0)
    package48771 (1.0.0)
    package48772 (1.0.0)
    package48773 (1.0.0)
    package48774 (1.0.0)
    package48775 (1.0.0)
    package48776 (1.0.0)
    package48777 (1.0.0)
    package48778 (1.0.0)
    package48779 (1.0.0)
    package48780 (1.0.0)
    package48781 (1.0.0)
    package48782 (1.0.0)
    package48783 (1.0.0)
    package48784 (1.0.0)
    package48785 (1.0.0)
    package48786 (1.0.0)
    package48787 (1.0.0)
    package48788 (1.0.0)
    package48789 (1.0.0)
    package48790 (1.0.0)
    package48791 (1.0.0)
    package48792 (1.0.0)
    package48793 (1.0.0)
    package48794 (1.0.0)
    package48795 (1.0.0)
    package48796 (1.0.0)
    package48797 (1.0.0)
    package48798 (1.0.0)
    package48799 (1.0.0)
    package48800 (1.0.0)
    package48801 (1.0.0)
    package48802 (1.0.0)
    package48803 (1.0.0)
    package48804 (1.0.0)
    package48805 (1.0.0)
    package48806 (1.0.0)
    package48807 (1.0.0)
    package48808 (1.0.0)
    package48809 (1.0.0)
    package48810 (1.0.0)
    package48811 (1.0.0)
    package48812 (1.0.0)
    package48813 (1.0.0)
    package48814 (1.0.0)
    package48815 (1.0.0)
    package48816 (1.0.0)
    package48817 (1.0.0)
    package48818 (1.0.0)
    package48819 (1.0.0)
    package48820 (1.0.0)
    package48821 (1.0.0)
    package48822 (1.0.0)
    package48823 (1.0.0)
    package48824 (1.0.0)
    package48825 (1.0.0)
    package48826 (1.0.0)
    package48827 (1.0.0)
    package48828 (1.0.0)
    package48829 (1.0.0)
    package48830 (1.0.0)
    package48831 (1.0.0)
    package48832 (1.0.0)
    package48833 (1.0.0)
    package48834 (1.0.0)
    package48835 (1.0.0)
    package48836 (1.0.0)
    package48837 (1.0.0)
    package48838 (1.0.0)
    package48839 (1.0.0)
    package48840 (1.0.0)
    package48841 (1.0.0)
    package48842 (1.0.0)
    package48843 (1.0.0)
    package48844 (1.0.0)
    package48845 (1.0.0)
    package48846 (1.0.0)
    package48847 (1.0.0)
    package48848 (1.0.0)
    package48849 (1.0.0)
    package48850 (1.0.0)
    package48851 (1.0.0)
    package48852 (1.0.0)
    package48853 (1.0.0)
    package48854 (1.0.0)
    package48855 (1.0.0)
    package48856 (1.0.0)
    package48857 (1.0.0)
    package48858 (1.0.0)
    package48859 (1.0.0)
    package48860 (1.0.0)
    package48861 (1.0.0)
    package48862 (1.0.0)
    package48863 (1.0.0)
    package48864 (1.0.0)
    package48865 (1.0.0)
    package48866 (1.0.0)
    package48867 (1.0.0)
    package48868 (1.0.0)
    package48869 (1.0.0)
    package48870 (1.0.0)
    package48871 (1.0.0)
    package48872 (1.0.0)
    package48873 (1.0.0)
    package48874 (1.0.0)
    package48875 (1.0.0)
    package48876 (1.0.0)
    package48877 (1.0.0)
    package48878 (1.0.0)
    package48879 (1.0.0)
    package48880 (1.0.0)
    package48881 (1.0.0)
    package48882 (1.0.0)
    package48883 (1.0.0)
    package48884 (1.0.0)
    package48885 (1.0.0)
    package48886 (1.0.0)
    package48887 (1.0.0)
    package48888 (1.0.0)
    package48889 (1.0.0)
    package48890 (1.0.0)
    package48891 (1.0.0)
    package48892 (1.0.0)
    package48893 (1.0.0)
    package48894 (1.0.0)
    package48895 (1.0.0)
    package48896 (1.0.0)
    package48897 (1.0.0)
    package48898 (1.0.0)
    package48899 (1.0.0)
    package48900 (1.0.0)
    package48901 (1.0.0)
    package48902 (1.0.0)
    package48903 (1.0.0)
    package48904 (1.0.0)
    package48905 (1.0.0)
    package48906 (1.0.0)
    package48907 (1.0.0)
    package48908 (1.0.0)
    package48909 (1.0.0)
    package48910 (1.0.0)
    package48911 (1.0.0)
    package48912 (1.0.0)
    package48913 (1.0.0)
    package48914 (1.0.0)
    package48915 (1.0.0)
    package48916 (1.0.0)
    package48917 (1.0.0)
    package48918 (1.0.0)
    package48919 (1.0.0)
    package48920 (1.0.0)
    package48921 (1.0.0)
    package48922 (1.0.0)
    package48923 (1.0.0)
    package48924 (1.0.0)
    package48925 (1.0.0)
    package48926 (1.0.0)
    package48927 (1.0.0)
    package48928 (1.0.0)
    package48929 (1.0.0)
    package48930 (1.0.0)
    package48931 (1.0.0)
    package48932 (1.0.0)
    package48933 (1.0.0)
    package48934 (1.0.0)
    package48935 (1.0.0)
    package48936 (1.0.0)
    package48937 (1.0.0)
    package48938 (1.0.0)
    package48939 (1.0.0)
    package48940 (1.0.0)
    package48941 (1.0.0)
    package48942 (1.0.0)
    package48943 (1.0.0)
    package48944 (1.0.0)
    package48945 (1.0.0)
    package48946 (1.0.0)
    package48947 (1.0.0)
    package48948 (1.0.0)
    package48949 (1.0.0)
    package48950 (1.0.0)
    package48951 (1.0.0)
    package48952 (1.0.0)
    package48953 (1.0.0)
    package48954 (1.0.0)
    package48955 (1.0.0)
    package48956 (1.0.0)
    package48957 (1.0.0)
    package48958 (1.0.0)
    package48959 (1.0.0)
    package48960 (1.0.0)
    package48961 (1.0.0)
    package48962 (1.0.0)
    package48963 (1.0.0)
    package48964 (1.0.0)
    package48965 (1.0.0)
    package48966 (1.0.0)
    package48967 (1.0.0)
    package48968 (1.0.0)
    package48969 (1.0.0)
    package48970 (1.0.0)
    package48971 (1.0.0)
    package48972 (1.0.0)
    package48973 (1.0.0)
    package48974 (1.0.0)
    package48975 (1.0.0)
    package48976 (1.0.0)
    package48977 (1.0.0)
    package48978 (1.0.0)
    package48979 (1.0.0)
    package48980 (1.0.0)
    package48981 (1.0.0)
    package48982 (1.0.0)
    package48983 (1.0.0)
    package48984 (1.0.0)
    package48985 (1.0.0)
    package48986 (1.0.0)
    package48987 (1.0.0)
    package48988 (1.0.0)
    package48989 (1.0.0)
    package48990 (1.0.0)
    package48991 (1.0.0)
    package48992 (1.0.0)
    package48993 (1.0.0)
    package48994 (1.0.0)
    package48995 (1.0.0)
    package48996 (1.0.0)
    package48997 (1.0.0)
    package48998 (1.0.0)
    package48999 (1.0.0)
    package49000 (1.0.0)
    package49001 (1.0.0)
    package49002 (1.0.0)
    package49003 (1.0.0)
    package49004 (1.0.0)
    package49005 (1.0.0)
    package49006 (1.0.0)
    package49007 (1.0.0)
    package49008 (1.0.0)
    package49009 (1.0.0)
    package49010 (1.0.0)
    package49011 (1.0.0)
    package49012 (1.0.0)
    package49013 (1.0.0)
    package49014 (1.0.0)
    package49015 (1.0.0)
    package49016 (1.0.0)
    package49017 (1.0.0)
    package49018 (1.0.0)
    package49019 (1.0.0)
    package49020 (1.0.0)
    package49021 (1.0.0)
    package49022 (1.0.0)
    package49023 (1.0.0)
    package49024 (1.0.0)
    package49025 (1.0.0)
    package49026 (1.0.0)
    package49027 (1.0.0)
    package49028 (1.0.0)
    package49029 (1.0.0)
    package49030 (1.0.0)
    package49031 (1.0.0)
    package49032 (1.0.0)
    package49033 (1.0.0)
    package49034 (1.0.0)
    package49035 (1.0.0)
    package49036 (1.0.0)
    package49037 (1.0.0)
    package49038 (1.0.0)
    package49039 (1.0.0)
    package49040 (1.0.0)
    package49041 (1.0.0)
    package49042 (1.0.0)
    package49043 (1.0.0)
    package49044 (1.0.0)
    package49045 (1.0.0)
    package49046 (1.0.0)
    package49047 (1.0.0)
    package49048 (1.0.0)
    package49049 (1.0.0)
    package49050 (1.0.0)
    package49051 (1.0.0)
    package49052 (1.0.0)
    package49053 (1.0.0)
    package49054 (1.0.0)
    package49055 (1.0.0)
    package49056 (1.0.0)
    package49057 (1.0.0)
    package49058 (1.0.0)
    package49059 (1.0.0)
    package49060 (1.0.0)
    package49061 (1.0.0)
    package49062 (1.0.0)
    package49063 (1.0.0)
    package49064 (1.0.0)
    package49065 (1.0.0)
    package49066 (1.0.0)
    package49067 (1.0.0)
    package49068 (1.0.0)
    package49069 (1.0.0)
    package49070 (1.0.0)
    package49071 (1.0.0)
    package49072 (1.0.0)
    package49073 (1.0.0)
    package49074 (1.0.0)
    package49075 (1.0.0)
    package49076 (1.0.0)
    package49077 (1.0.0)
    package49078 (1.0.0)
    package49079 (1.0.0)
    package49080 (1.0.0)
    package49081 (1.0.0)
    package49082 (1.0.0)
    package49083 (1.0.0)
    package49084 (1.0.0)
    package49085 (1.0.0)
    package49086 (1.0.0)
    package49087 (1.0.0)
    package49088 (1.0.0)
    package49089 (1.0.0)
    package49090 (1.0.0)
    package49091 (1.0.0)
    package49092 (1.0.0)
    package49093 (1.0.0)
    package49094 (1.0.0)
    package49095 (1.0.0)
    package49096 (1.0.0)
    package49097 (1.0.0)
    package49098 (1.0.0)
    package49099 (1.0.0)
    package49100 (1.0.0)
    package49101 (1.0.0)
    package49102 (1.0.0)
    package49103 (1.0.0)
    package49104 (1.0.0)
    package49105 (1.0.0)
    package49106 (1.0.0)
    package49107 (1.0.0)
    package49108 (1.0.0)
    package49109 (1.0.0)
    package49110 (1.0.0)
    package49111 (1.0.0)
    package49112 (1.0.0)
    package49113 (1.0.0)
    package49114 (1.0.0)
    package49115 (1.0.0)
    package49116 (1.0.0)
    package49117 (1.0.0)
    package49118 (1.0.0)
    package49119 (1.0.0)
    package49120 (1.0.0)
    package49121 (1.0.0)
    package49122 (1.0.0)
    package49123 (1.0.0)
    package49124 (1.0.0)
    package49125 (1.0.0)
    package49126 (1.0.0)
    package49127 (1.0.0)
    package49128 (1.0.0)
    package49129 (1.0.0)
    package49130 (1.0.0)
    package49131 (1.0.0)
    package49132 (1.0.0)
    package49133 (1.0.0)
    package49134 (1.0.0)
    package49135 (1.0.0)
    package49136 (1.0.0)
    package49137 (1.0.0)
    package49138 (1.0.0)
    package49139 (1.0.0)
    package49140 (1.0.0)
    package49141 (1.0.0)
    package49142 (1.0.0)
    package49143 (1.0.0)
    package49144 (1.0.0)
    package49145 (1.0.0)
    package49146 (1.0.0)
    package49147 (1.0.0)
    package49148 (1.0.0)
    package49149 (1.0.0)
    package49150 (1.0.0)
    package49151 (1.0.0)
    package49152 (1.0.0)
    package49153 (1.0.0)
    package49154 (1.0.0)
    package49155 (1.0.0)
    package49156 (1.0.0)
    package49157 (1.0.0)
    package49158 (1.0.0)
    package49159 (1.0.0)
    package49160 (1.0.0)
    package49161 (1.0.0)
    package49162 (1.0.0)
    package49163 (1.0.0)
    package49164 (1.0.0)
    package49165 (1.0.0)
    package49166 (1.0.0)
    package49167 (1.0.0)
    package49168 (1.0.0)
    package49169 (1.0.0)
    package49170 (1.0.0)
    package49171 (1.0.0)
    package49172 (1.0.0)
    package49173 (1.0.0)
    package49174 (1.0.0)
    package49175 (1.0.0)
    package49176 (1.0.0)
    package49177 (1.0.0)
    package49178 (1.0.0)
    package49179 (1.0.0)
    package49180 (1.0.0)
    package49181 (1.0.0)
    package49182 (1.0.0)
    package49183 (1.0.0)
    package49184 (1.0.0)
    package49185 (1.0.0)
    package49186 (1.0.0)
    package49187 (1.0.0)
    package49188 (1.0.0)
    package49189 (1.0.0)
    package49190 (1.0.0)
    package49191 (1.0.0)
    package49192 (1.0.0)
    package49193 (1.0.0)
    package49194 (1.0.0)
    package49195 (1.0.0)
    package49196 (1.0.0)
    package49197 (1.0.0)
    package49198 (1.0.0)
    package49199 (1.0.0)
    package49200 (1.0.0)
    package49201 (1.0.0)
    package49202 (1.0.0)
    package49203 (1.0.0)
    package49204 (1.0.0)
    package49205 (1.0.0)
    package49206 (1.0.0)
    package49207 (1.0.0)
    package49208 (1.0.0)
    package49209 (1.0.0)
    package49210 (1.0.0)
    package49211 (1.0.0)
    package49212 (1.0.0)
    package49213 (1.0.0)
    package49214 (1.0.0)
    package49215 (1.0.0)
    package49216 (1.0.0)
    package49217 (1.0.0)
    package49218 (1.0.0)
    package49219 (1.0.0)
    package49220 (1.0.0)
    package49221 (1.0.0)
    package49222 (1.0.0)
    package49223 (1.0.0)
    package49224 (1.0.0)
    package49225 (1.0.0)
    package49226 (1.0.0)
    package49227 (1.0.0)
    package49228 (1.0.0)
    package49229 (1.0.0)
    package49230 (1.0.0)
    package49231 (1.0.0)
    package49232 (1.0.0)
    package49233 (1.0.0)
    package49234 (1.0.0)
    package49235 (1.0.0)
    package49236 (1.0.0)
    package49237 (1.0.0)
    package49238 (1.0.0)
    package49239 (1.0.0)
    package49240 (1.0.0)
    package49241 (1.0.0)
    package49242 (1.0.0)
    package49243 (1.0.0)
    package49244 (1.0.0)
    package49245 (1.0.0)
    package49246 (1.0.0)
    package49247 (1.0.0)
    package49248 (1.0.0)
    package49249 (1.0.0)
    package49250 (1.0.0)
    package49251 (1.0.0)
    package49252 (1.0.0)
    package49253 (1.0.0)
    package49254 (1.0.0)
    package49255 (1.0.0)
    package49256 (1.0.0)
    package49257 (1.0.0)
    package49258 (1.0.0)
    package49259 (1.0.0)
    package49260 (1.0.0)
    package49261 (1.0.0)
    package49262 (1.0.0)
    package49263 (1.0.0)
    package49264 (1.0.0)
    package49265 (1.0.0)
    package49266 (1.0.0)
    package49267 (1.0.0)
    package49268 (1.0.0)
    package49269 (1.0.0)
    package49270 (1.0.0)
    package49271 (1.0.0)
    package49272 (1.0.0)
    package49273 (1.0.0)
    package49274 (1.0.0)
    package49275 (1.0.0)
    package49276 (1.0.0)
    package49277 (1.0.0)
    package49278 (1.0.0)
    package49279 (1.0.0)
    package49280 (1.0.0)
    package49281 (1.0.0)
    package49282 (1.0.0)
    package49283 (1.0.0)
    package49284 (1.0.0)
    package49285 (1.0.0)
    package49286 (1.0.0)
    package49287 (1.0.0)
    package49288 (1.0.0)
    package49289 (1.0.0)
    package49290 (1.0.0)
    package49291 (1.0.0)
    package49292 (1.0.0)
    package49293 (1.0.0)
    package49294 (1.0.0)
    package49295 (1.0.0)
    package49296 (1.0.0)
    package49297 (1.0.0)
    package49298 (1.0.0)
    package49299 (1.0.0)
    package49300 (1.0.0)
    package49301 (1.0.0)
    package49302 (1.0.0)
    package49303 (1.0.0)
    package49304 (1.0.0)
    package49305 (1.0.0)
    package49306 (1.0.0)
    package49307 (1.0.0)
    package49308 (1.0.0)
    package49309 (1.0.0)
    package49310 (1.0.0)
    package49311 (1.0.0)
    package49312 (1.0.0)
    package49313 (1.0.0)
    package49314 (1.0.0)
    package49315 (1.0.0)
    package49316 (1.0.0)
    package49317 (1.0.0)
    package49318 (1.0.0)
    package49319 (1.0.0)
    package49320 (1.0.0)
    package49321 (1.0.0)
    package49322 (1.0.0)
    package49323 (1.0.0)
    package49324 (1.0.0)
    package49325 (1.0.0)
    package49326 (1.0.0)
    package49327 (1.0.0)
    package49328 (1.0.0)
    package49329 (1.0.0)
    package49330 (1.0.0)
    package49331 (1.0.0)
    package49332 (1.0.0)
    package49333 (1.0.0)
    package49334 (1.0.0)
    package49335 (1.0.0)
    package49336 (1.0.0)
    package49337 (1.0.0)
    package49338 (1.0.0)
    package49339 (1.0.0)
    package49340 (1.0.0)
    package49341 (1.0.0)
    package49342 (1.0.0)
    package49343 (1.0.0)
    package49344 (1.0.0)
    package49345 (1.0.0)
    package49346 (1.0.0)
    package49347 (1.0.0)
    package49348 (1.0.0)
    package49349 (1.0.0)
    package49350 (1.0.0)
    package49351 (1.0.0)
    package49352 (1.0.0)
    package49353 (1.0.0)
    package49354 (1.0.0)
    package49355 (1.0.0)
    package49356 (1.0.0)
    package49357 (1.0.0)
    package49358 (1.0.0)
    package49359 (1.0.0)
    package49360 (1.0.0)
    package49361 (1.0.0)
    package49362 (1.0.0)
    package49363 (1.0.0)
    package49364 (1.0.0)
    package49365 (1.0.0)
    package49366 (1.0.0)
    package49367 (1.0.0)
    package49368 (1.0.0)
    package49369 (1.0.0)
    package49370 (1.0.0)
    package49371 (1.0.0)
    package49372 (1.0.0)
    package49373 (1.0.0)
    package49374 (1.0.0)
    package49375 (1.0.0)
    package49376 (1.0.0)
    package49377 (1.0.0)
    package49378 (1.0.0)
    package49379 (1.0.0)
    package49380 (1.0.0)
    package49381 (1.0.0)
    package49382 (1.0.0)
    package49383 (1.0.0)
    package49384 (1.0.0)
    package49385 (1.0.0)
    package49386 (1.0.0)
    package49387 (1.0.0)
    package49388 (1.0.0)
    package49389 (1.0.0)
    package49390 (1.0.0)
    package49391 (1.0.0)
    package49392 (1.0.0)
    package49393 (1.0.0)
    package49394 (1.0.0)
    package49395 (1.0.0)
    package49396 (1.0.0)
    package49397 (1.0.0)
    package49398 (1.0.0)
    package49399 (1.0.0)
    package49400 (1.0.0)
    package49401 (1.0.0)
    package49402 (1.0.0)
    package49403 (1.0.0)
    package49404 (1.0.0)
    package49405 (1.0.0)
    package49406 (1.0.0)
    package49407 (1.0.0)
    package49408 (1.0.0)
    package49409 (1.0.0)
    package49410 (1.0.0)
    package49411 (1.0.0)
    package49412 (1.0.0)
    package49413 (1.0.0)
    package49414 (1.0.0)
    package49415 (1.0.0)
    package49416 (1.0.0)
    package49417 (1.0.0)
    package49418 (1.0.0)
    package49419 (1.0.0)
    package49420 (1.0.0)
    package49421 (1.0.0)
    package49422 (1.0.0)
    package49423 (1.0.0)
    package49424 (1.0.0)
    package49425 (1.0.0)
    package49426 (1.0.0)
    package49427 (1.0.0)
    package49428 (1.0.0)
    package49429 (1.0.0)
    package49430 (1.0.0)
    package49431 (1.0.0)
    package49432 (1.0.0)
    package49433 (1.0.0)
    package49434 (1.0.0)
    package49435 (1.0.0)
    package49436 (1.0.0)
    package49437 (1.0.0)
    package49438 (1.0.0)
    package49439 (1.0.0)
    package49440 (1.0.0)
    package49441 (1.0.0)
    package49442 (1.0.0)
    package49443 (1.0.0)
    package49444 (1.0.0)
    package49445 (1.0.0)
    package49446 (1.0.0)
    package49447 (1.0.0)
    package49448 (1.0.0)
    package49449 (1.0.0)
    package49450 (1.0.0)
    package49451 (1.0.0)
    package49452 (1.0.0)
    package49453 (1.0.0)
    package49454 (1.0.0)
    package49455 (1.0.0)
    package49456 (1.0.0)
    package49457 (1.0.0)
    package49458 (1.0.0)
    package49459 (1.0.0)
    package49460 (1.0.0)
    package49461 (1.0.0)
    package49462 (1.0.0)
    package49463 (1.0.0)
    package49464 (1.0.0)
    package49465 (1.0.0)
    package49466 (1.0.0)
    package49467 (1.0.0)
    package49468 (1.0.0)
    package49469 (1.0.0)
    package49470 (1.0.0)
    package49471 (1.0.0)
    package49472 (1.0.0)
    package49473 (1.0.0)
    package49474 (1.0.0)
    package49475 (1.0.0)
    package49476 (1.0.0)
    package49477 (1.0.0)
    package49478 (1.0.0)
    package49479 (1.0.0)
    package49480 (1.0.0)
    package49481 (1.0.0)
    package49482 (1.0.0)
    package49483 (1.0.0)
    package49484 (1.0.0)
    package49485 (1.0.0)
    package49486 (1.0.0)
    package49487 (1.0.0)
    package49488 (1.0.0)
    package49489 (1.0.0)
    package49490 (1.0.0)
    package49491 (1.0.0)
    package49492 (1.0.0)
    package49493 (1.0.0)
    package49494 (1.0.0)
    package49495 (1.0.0)
    package49496 (1.0.0)
    package49497 (1.0.0)
    package49498 (1.0.0)
    package49499 (1.0.0)
    package49500 (1.0.0)
    package49501 (1.0.0)
    package49502 (1.0.0)
    package49503 (1.0.0)
    package49504 (1.0.0)
    package49505 (1.0.0)
    package49506 (1.0.0)
    package49507 (1.0.0)
    package49508 (1.0.0)
    package49509 (1.0.0)
    package49510 (1.0.0)
    package49511 (1.0.0)
    package49512 (1.0.0)
    package49513 (1.0.0)
    package49514 (1.0.0)
    package49515 (1.0.0)
    package49516 (1.0.0)
    package49517 (1.0.0)
    package49518 (1.0.0)
    package49519 (1.0.0)
    package49520 (1.0.0)
    package49521 (1.0.0)
    package49522 (1.0.0)
    package49523 (1.0.0)
    package49524 (1.0.0)
    package49525 (1.0.0)
    package49526 (1.0.0)
    package49527 (1.0.0)
    package49528 (1.0.0)
    package49529 (1.0.0)
    package49530 (1.0.0)
    package49531 (1.0.0)
    package49532 (1.0.0)
    package49533 (1.0.0)
    package49534 (1.0.0)
    package49535 (1.0.0)
    package49536 (1.0.0)
    package49537 (1.0.0)
    package49538 (1.0.0)
    package49539 (1.0.0)
    package49540 (1.0.0)
    package49541 (1.0.0)
    package49542 (1.0.0)
    package49543 (1.0.0)
    package49544 (1.0.0)
    package49545 (1.0.0)
    package49546 (1.0.0)
    package49547 (1.0.0)
    package49548 (1.0.0)
    package49549 (1.0.0)
    package49550 (1.0.0)
    package49551 (1.0.0)
    package49552 (1.0.0)
    package49553 (1.0.0)
    package49554 (1.0.0)
    package49555 (1.0.0)
    package49556 (1.0.0)
    package49557 (1.0.0)
    package49558 (1.0.0)
    package49559 (1.0.0)
    package49560 (1.0.0)
    package49561 (1.0.0)
    package49562 (1.0.0)
    package49563 (1.0.0)
    package49564 (1.0.0)
    package49565 (1.0.0)
    package49566 (1.0.0)
    package49567 (1.0.0)
    package49568 (1.0.0)
    package49569 (1.0.0)
    package49570 (1.0.0)
    package49571 (1.0.0)
    package49572 (1.0.0)
    package49573 (1.0.0)
    package49574 (1.0.0)
    package49575 (1.0.0)
    package49576 (1.0.0)
    package49577 (1.0.0)
    package49578 (1.0.0)
    package49579 (1.0.0)
    package49580 (1.0.0)
    package49581 (1.0.0)
    package49582 (1.0.0)
    package49583 (1.0.0)
    package49584 (1.0.0)
    package49585 (1.0.0)
    package49586 (1.0.0)
    package49587 (1.0.0)
    package49588 (1.0.0)
    package49589 (1.0.0)
    package49590 (1.0.0)
    package49591 (1.0.0)
    package49592 (1.0.0)
    package49593 (1.0.0)
    package49594 (1.0.0)
    package49595 (1.0.0)
    package49596 (1.0.0)
    package49597 (1.0.0)
    package49598 (1.0.0)
    package49599 (1.0.0)
    package49600 (1.0.0)
    package49601 (1.0.0)
    package49602 (1.0.0)
    package49603 (1.0.0)
    package49604 (1.0.0)
    package49605 (1.0.0)
    package49606 (1.0.0)
    package49607 (1.0.0)
    package49608 (1.0.0)
    package49609 (1.0.0)
    package49610 (1.0.0)
    package49611 (1.0.0)
    package49612 (1.0.0)
    package49613 (1.0.0)
    package49614 (1.0.0)
    package49615 (1.0.0)
    package49616 (1.0.0)
    package49617 (1.0.0)
    package49618 (1.0.0)
    package49619 (1.0.0)
    package49620 (1.0.0)
    package49621 (1.0.0)
    package49622 (1.0.0)
    package49623 (1.0.0)
    package49624 (1.0.0)
    package49625 (1.0.0)
    package49626 (1.0.0)
    package49627 (1.0.0)
    package49628 (1.0.0)
    package49629 (1.0.0)
    package49630 (1.0.0)
    package49631 (1.0.0)
    package49632 (1.0.0)
    package49633 (1.0.0)
    package49634 (1.0.0)
    package49635 (1.0.0)
    package49636 (1.0.0)
    package49637 (1.0.0)
    package49638 (1.0.0)
    package49639 (1.0.0)
    package49640 (1.0.0)
    package49641 (1.0.0)
    package49642 (1.0.0)
    package49643 (1.0.0)
    package49644 (1.0.0)
    package49645 (1.0.0)
    package49646 (1.0.0)
    package49647 (1.0.0)
    package49648 (1.0.0)
    package49649 (1.0.0)
    package49650 (1.0.0)
    package49651 (1.0.0)
    package49652 (1.0.0)
    package49653 (1.0.0)
    package49654 (1.0.0)
    package49655 (1.0.0)
    package49656 (1.0.0)
    package49657 (1.0.0)
    package49658 (1.0.0)
    package49659 (1.0.0)
    package49660 (1.0.0)
    package49661 (1.0.0)
    package49662 (1.0.0)
    package49663 (1.0.0)
    package49664 (1.0.0)
    package49665 (1.0.0)
    package49666 (1.0.0)
    package49667 (1.0.0)
    package49668 (1.0.0)
    package49669 (1.0.0)
    package49670 (1.0.0)
    package49671 (1.0.0)
    package49672 (1.0.0)
    package49673 (1.0.0)
    package49674 (1.0.0)
    package49675 (1.0.0)
    package49676 (1.0.0)
    package49677 (1.0.0)
    package49678 (1.0.0)
    package49679 (1.0.0)
    package49680 (1.0.0)
    package49681 (1.0.0)
    package49682 (1.0.0)
    package49683 (1.0.0)
    package49684 (1.0.0)
    package49685 (1.0.0)
    package49686 (1.0.0)
    package49687 (1.0.0)
    package49688 (1.0.0)
    package49689 (1.0.0)
    package49690 (1.0.0)
    package49691 (1.0.0)
    package49692 (1.0.0)
    package49693 (1.0.0)
    package49694 (1.0.0)
    package49695 (1.0.0)
    package49696 (1.0.0)
    package49697 (1.0.0)
    package49698 (1.0.0)
    package49699 (1.0.0)
    package49700 (1.0.0)
    package49701 (1.0.0)
    package49702 (1.0.0)
    package49703 (1.0.0)
    package49704 (1.0.0)
    package49705 (1.0.0)
    package49706 (1.0.0)
    package49707 (1.0.0)
    package49708 (1.0.0)
    package49709 (1.0.0)
    package49710 (1.0.0)
    package49711 (1.0.0)
    package49712 (1.0.0)
    package49713 (1.0.0)
    package49714 (1.0.0)
    package49715 (1.0.0)
    package49716 (1.0.0)
    package49717 (1.0.0)
    package49718 (1.0.0)
    package49719 (1.0.0)
    package49720 (1.0.0)
    package49721 (1.0.0)
    package49722 (1.0.0)
    package49723 (1.0.0)
    package49724 (1.0.0)
    package49725 (1.0.0)
    package49726 (1.0.0)
    package49727 (1.0.0)
    package49728 (1.0.0)
    package49729 (1.0.0)
    package49730 (1.0.0)
    package49731 (1.0.0)
    package49732 (1.0.0)
    package49733 (1.0.0)
    package49734 (1.0.0)
    package49735 (1.0.0)
    package49736 (1.0.0)
    package49737 (1.0.0)
    package49738 (1.0.0)
    package49739 (1.0.0)
    package49740 (1.0.0)
    package49741 (1.0.0)
    package49742 (1.0.0)
    package49743 (1.0.0)
    package49744 (1.0.0)
    package49745 (1.0.0)
    package49746 (1.0.0)
    package49747 (1.0.0)
    package49748 (1.0.0)
    package49749 (1.0.0)
    package49750 (1.0.0)
    package49751 (1.0.0)
    package49752 (1.0.0)
    package49753 (1.0.0)
    package49754 (1.0.0)
    package49755 (1.0.0)
    package49756 (1.0.0)
    package49757 (1.0.0)
    package49758 (1.0.0)
    package49759 (1.0.0)
    package49760 (1.0.0)
    package49761 (1.0.0)
    package49762 (1.0.0)
    package49763 (1.0.0)
    package49764 (1.0.0)
    package49765 (1.0.0)
    package49766 (1.0.0)
    package49767 (1.0.0)
    package49768 (1.0.0)
    package49769 (1.0.0)
    package49770 (1.0.0)
    package49771 (1.0.0)
    package49772 (1.0.0)
    package49773 (1.0.0)
    package49774 (1.0.0)
    package49775 (1.0.0)
    package49776 (1.0.0)
    package49777 (1.0.0)
    package49778 (1.0.0)
    package49779 (1.0.0)
    package49780 (1.0.0)
    package49781 (1.0.0)
    package49782 (1.0.0)
    package49783 (1.0.0)
    package49784 (1.0.0)
    package49785 (1.0.0)
    package49786 (1.0.0)
    package49787 (1.0.0)
    package49788 (1.0.0)
    package49789 (1.0.0)
    package49790 (1.0.0)
    package49791 (1.0.0)
    package49792 (1.0.0)
    package49793 (1.0.0)
    package49794 (1.0.0)
    package49795 (1.0.0)
    package49796 (1.0.0)
    package49797 (1.0.0)
    package49798 (1.0.0)
    package49799 (1.0.0)
    package49800 (1.0.0)
    package49801 (1.0.0)
    package49802 (1.0.0)
    package49803 (1.0.0)
    package49804 (1.0.0)
    package49805 (1.0.0)
    package49806 (1.0.0)
    package49807 (1.0.0)
    package49808 (1.0.0)
    package49809 (1.0.0)
    package49810 (1.0.0)
    package49811 (1.0.0)
    package49812 (1.0.0)
    package49813 (1.0.0)
    package49814 (1.0.0)
    package49815 (1.0.0)
    package49816 (1.0.0)
    package49817 (1.0.0)
    package49818 (1.0.0)
    package49819 (1.0.0)
    package49820 (1.0.0)
    package49821 (1.0.0)
    package49822 (1.0.0)
    package49823 (1.0.0)
    package49824 (1.0.0)
    package49825 (1.0.0)
    package49826 (1.0.0)
    package49827 (1.0.0)
    package49828 (1.0.0)
    package49829 (1.0.0)
    package49830 (1.0.0)
    package49831 (1.0.0)
    package49832 (1.0.0)
    package49833 (1.0.0)
    package49834 (1.0.0)
    package49835 (1.0.0)
    package49836 (1.0.0)
    package49837 (1.0.0)
    package49838 (1.0.0)
    package49839 (1.0.0)
    package49840 (1.0.0)
    package49841 (1.0.0)
    package49842 (1.0.0)
    package49843 (1.0.0)
    package49844 (1.0.0)
    package49845 (1.0.0)
    package49846 (1.0.0)
    package49847 (1.0.0)
    package49848 (1.0.0)
    package49849 (1.0.0)
    package49850 (1.0.0)
    package49851 (1.0.0)
    package49852 (1.0.0)
    package49853 (1.0.0)
    package49854 (1.0.0)
    package49855 (1.0.0)
    package49856 (1.0.0)
    package49857 (1.0.0)
    package49858 (1.0.0)
    package49859 (1.0.0)
    package49860 (1.0.0)
    package49861 (1.0.0)
    package49862 (1.0.0)
    package49863 (1.0.0)
    package49864 (1.0.0)
    package49865 (1.0.0)
    package49866 (1.0.0)
    package49867 (1.0.0)
    package49868 (1.0.0)
    package49869 (1.0.0)
    package49870 (1.0.0)
    package49871 (1.0.0)
    package49872 (1.0.0)
    package49873 (1.0.0)
    package49874 (1.0.0)
    package49875 (1.0.0)
    package49876 (1.0.0)
    package49877 (1.0.0)
    package49878 (1.0.0)
    package49879 (1.0.0)
    package49880 (1.0.0)
    package49881 (1.0.0)
    package49882 (1.0.0)
    package49883 (1.0.0)
    package49884 (1.0.0)
    package49885 (1.0.0)
    package49886 (1.0.0)
    package49887 (1.0.0)
    package49888 (1.0.0)
    package49889 (1.0.0)
    package49890 (1.0.0)
    package49891 (1.0.0)
    package49892 (1.0.0)
    package49893 (1.0.0)
    package49894 (1.0.0)
    package49895 (1.0.0)
    package49896 (1.0.0)
    package49897 (1.0.0)
    package49898 (1.0.0)
    package49899 (1.0.0)
    package49900 (1.0.0)
    package49901 (1.0.0)
    package49902 (1.0.0)
    package49903 (1.0.0)
    package49904 (1.0.0)
    package49905 (1.0.0)
    package49906 (1.0.0)
    package49907 (1.0.0)
    package49908 (1.0.0)
    package49909 (1.0.0)
    package49910 (1.0.0)
    package49911 (1.0.0)
    package49912 (1.0.0)
    package49913 (1.0.0)
    package49914 (1.0.0)
    package49915 (1.0.0)
    package49916 (1.0.0)
    package49917 (1.0.0)
    package49918 (1.0.0)
    package49919 (1.0.0)
    package49920 (1.0.0)
    package49921 (1.0.0)
    package49922 (1.0.0)
    package49923 (1.0.0)
    package49924 (1.0.0)
    package49925 (1.0.0)
    package49926 (1.0.0)
    package49927 (1.0.0)
    package49928 (1.0.0)
    package49929 (1.0.0)
    ast (2.4.2)
    coderay (1.1.3)
    concurrent-ruby (1.1.9)
    docile (1.3.2)
    i18n (1.8.11)
      concurrent-ruby (~> 1.0)
    json (2.3.0)
    method_source (1.0.0)
    minitest (5.15.0)
    parallel (1.19.0)
    parser (3.1.0.0)
      ast (~> 2.4.1)
    power_assert (2.0.1)
    pry (0.14.1)
      coderay (~> 1.1)
      method_source (~> 1.0)
    rainbow (3.1.1)
    rake (13.0.6)
    regexp_parser (2.2.0)
    rexml (3.2.5)
    rubocop (1.25.0)
      parallel (~> 1.10)
      parser (>= 3.1.0.0)
      rainbow (>= 2.2.2, < 4.0)
      regexp_parser (>= 1.8, < 3.0)
      rexml
      rubocop-ast (>= 1.15.1, < 2.0)
      ruby-progressbar (~> 1.7)
      unicode-display_width (>= 1.4.0, < 3.0)
    rubocop-ast (1.15.1)
      parser (>= 3.0.1.1)
    ruby-progressbar (1.11.0)
    simplecov (0.17.1)
      docile (~> 1.1)
      json (>= 1.8, < 3)
      simplecov-html (~> 0.10.0)
    simplecov-html (0.10.2)
    test-unit (3.5.3)
      power_assert
    timecop (0.9.4)
    unicode-display_width (2.1.0)
    webrick (1.7.0)
    yard (0.9.27)
      webrick (~> 1.7.0)

PLATFORMS
  ruby

DEPENDENCIES
  faker!
  minitest (= 5.15.0)
  pry (= 0.14.1)
  rake (= 13.0.6)
  rubocop (= 1.25.0)
  simplecov (= 0.17.1, < 0.18)
  test-unit (= 3.5.3)
  timecop (= 0.9.4)
  yard (= 0.9.27)

BUNDLED WITH
   2.1.4