PATH
  remote: .
  specs:
    faker (2.20.0)
      i18n (>= 1.8.11, < 2)

GEM
  remote: https://rubygems.org/
  specs:
    package0 (1.0.0)
    package1 (1.0.0)
    package2 (1.0.0)
    package3 (1.0.0)
    package4 (1.0.0)
    package5 (1.0.0)
    package6 (1.0.0)
    package7 (1.0.0)
    package8 (1.0.0)
    package9 (1.0.0)
    package10 (1.0.0)
    package11 (1.0.0)
    package12 (1.0.0)
    package13 (1.0.0)
    package14 (1.0.0)
    package15 (1.0.0)
    package16 (1.0.0)
    package17 (1.0.0)
    package18 (1.0.0)
    package19 (1.0.0)
    package20 (1.0.0)
    package21 (1.0.0)
    package22 (1.0.0)
    package23 (1.0.0)
    package24 (1.0.0)
    package25 (1.0.0)
    package26 (1.0.0)
    package27 (1.0.0)
    package28 (1.0.0)
    package29 (1.0.0)
    package30 (1.0.0)
    package31 (1.0.0)
    package32 (1.0.0)
    package33 (1.0.0)
    package34 (1.0.0)
    package35 (1.0.0)
    package36 (1.0.0)
    package37 (1.0.0)
    package38 (1.0.0)
    package39 (1.0.0)
    package40 (1.0.0)
    package41 (1.0.0)
    package42 (1.0.0)
    package43 (1.0.0)
    package44 (1.0.0)
    package45 (1.0.0)
    package46 (1.0.0)
    package47 (1.0.0)
    package48 (1.0.0)
    package49 (1.0.0)
    package50 (1.0.0)
    package51 (1.0.0)
    package52 (1.0.0)
    package53 (1.0.0)
    package54 (1.0.0)
    package55 (1.0.0)
    package56 (1.0.0)
    package57 (1.0.0)
    package58 (1.0.0)
    package59 (1.0.0)
    package60 (1.0.0)
    package61 (1.0.0)
    package62 (1.0.0)
    package63 (1.0.0)
    package64 (1.0.0)
    package65 (1.0.0)
    package66 (1.0.0)
    package67 (1.0.0)
    package68 (1.0.0)
    package69 (1.0.0)
    package70 (1.0.0)
    package71 (1.0.0)
    package72 (1.0.0)
    package73 (1.0.0)
    package74 (1.0.0)
    package75 (1.0.0)
    package76 (1.0.0)
    package77 (1.0.0)
    package78 (1.0.0)
    package79 (1.0.0)
    package80 (1.0.0)
    package81 (1.0.0)
    package82 (1.0.0)
    package83 (1.0.0)
    package84 (1.0.0)
    package85 (1.0.0)
    package86 (1.0.0)
    package87 (1.0.0)
    package88 (1.0.0)
    package89 (1.0.0)
    package90 (1.0.0)
    package91 (1.0.0)
    package92 (1.0.0)
    package93 (1.0.0)
    package94 (1.0.0)
    package95 (1.0.0)
    package96 (1.0.0)
    package97 (1.0.0)
    package98 (1.0.0)
    package99 (1.0.0)
    package100 (1.0.0)
    package101 (1.0.0)
    package102 (1.0.0)
    package103 (1.0.0)
    package104 (1.0.0)
    package105 (1.0.0)
    package106 (1.0.0)
    package107 (1.0.0)
    package108 (1.0.0)
    package109 (1.0.0)
    package110 (1.0.0)
    package111 (1.0.0)
    package112 (1.0.0)
    package113 (1.0.0)
    package114 (1.0.0)
    package115 (1.0.0)
    package116 (1.0.0)
    package117 (1.0.0)
    package118 (1.0.0)
    package119 (1.0.0)
    package120 (1.0.0)
    package121 (1.0.0)
    package122 (1.0.0)
    package123 (1.0.0)
    package124 (1.0.0)
    package125 (1.0.0)
    package126 (1.0.0)
    package127 (1.0.0)
    package128 (1.0.0)
    package129 (1.0.0)
    package130 (1.0.0)
    package131 (1.0.0)
    package132 (1.0.0)
    package133 (1.0.0)
    package134 (1.0.0)
    package135 (1.0.0)
    package136 (1.0.0)
    package137 (1.0.0)
    package138 (1.0.0)
    package139 (1.0.0)
    package140 (1.0.0)
    package141 (1.0.0)
    package142 (1.0.0)
    package143 (1.0.0)
    package144 (1.0.0)
    package145 (1.0.0)
    package146 (1.0.0)
    package147 (1.0.0)
    package148 (1.0.0)
    package149 (1.0.0)
    package150 (1.0.0)
    package151 (1.0.0)
    package152 (1.0.0)
    package153 (1.0.0)
    package154 (1.0.0)
    package155 (1.0.0)
    package156 (1.0.0)
    package157 (1.0.0)
    package158 (1.0.0)
    package159 (1.0.0)
    package160 (1.0.0)
    package161 (1.0.0)
    package162 (1.0.0)
    package163 (1.0.0)
    package164 (1.0.0)
    package165 (1.0.0)
    package166 (1.0.0)
    package167 (1.0.0)
    package168 (1.0.0)
    package169 (1.0.0)
    package170 (1.0.0)
    package171 (1.0.0)
    package172 (1.0.0)
    package173 (1.0.0)
    package174 (1.0.0)
    package175 (1.0.0)
    package176 (1.0.0)
    package177 (1.0.0)
    package178 (1.0.0)
    package179 (1.0.0)
    package180 (1.0.0)
    package181 (1.0.0)
    package182 (1.0.0)
    package183 (1.0.0)
    package184 (1.0.0)
    package185 (1.0.0)
    package186 (1.0.0)
    package187 (1.0.0)
    package188 (1.0.0)
    package189 (1.0.0)
    package190 (1.0.0)
    package191 (1.0.0)
    package192 (1.0.0)
    package193 (1.0.0)
    package194 (1.0.0)
    package195 (1.0.0)
    package196 (1.0.0)
    package197 (1.0.0)
    package198 (1.0.0)
    package199 (1.0.0)
    package200 (1.0.0)
    package201 (1.0.0)
    package202 (1.0.0)
    package203 (1.0.0)
    package204 (1.0.0)
    package205 (1.0.0)
    package206 (1.0.0)
    package207 (1.0.0)
    package208 (1.0.0)
    package209 (1.0.0)
    package210 (1.0.0)
    package211 (1.0.0)
    package212 (1.0.0)
    package213 (1.0.0)
    package214 (1.0.0)
    package215 (1.0.0)
    package216 (1.0.0)
    package217 (1.0.0)
    package218 (1.0.0)
    package219 (1.0.0)
    package220 (1.0.0)
    package221 (1.0.0)
    package222 (1.0.0)
    package223 (1.0.0)
    package224 (1.0.0)
    package225 (1.0.0)
    package226 (1.0.0)
    package227 (1.0.0)
    package228 (1.0.0)
    package229 (1.0.0)
    package230 (1.0.0)
    package231 (1.0.0)
    package232 (1.0.0)
    package233 (1.0.0)
    package234 (1.0.0)
    package235 (1.0.0)
    package236 (1.0.0)
    package237 (1.0.0)
    package238 (1.0.0)
    package239 (1.0.0)
    package240 (1.0.0)
    package241 (1.0.0)
    package242 (1.0.0)
    package243 (1.0.0)
    package244 (1.0.0)
    package245 (1.0.0)
    package246 (1.0.0)
    package247 (1.0.0)
    package248 (1.0.0)
    package249 (1.0.0)
    package250 (1.0.0)
    package251 (1.0.0)
    package252 (1.0.0)
    package253 (1.0.0)
    package254 (1.0.0)
    package255 (1.0.0)
    package256 (1.0.0)
    package257 (1.0.0)
    package258 (1.0.0)
    package259 (1.0.0)
    package260 (1.0.0)
    package261 (1.0.0)
    package262 (1.0.0)
    package263 (1.0.0)
    package264 (1.0.0)
    package265 (1.0.0)
    package266 (1.0.0)
    package267 (1.0.0)
    package268 (1.0.0)
    package269 (1.0.0)
    package270 (1.0.0)
    package271 (1.0.0)
    package272 (1.0.0)
    package273 (1.0.0)
    package274 (1.0.0)
    package275 (1.0.0)
    package276 (1.0.0)
    package277 (1.0.0)
    package278 (1.0.0)
    package279 (1.0.0)
    package280 (1.0.0)
    package281 (1.0.0)
    package282 (1.0.0)
    package283 (1.0.0)
    package284 (1.0.0)
    package285 (1.0.0)
    package286 (1.0.0)
    package287 (1.0.0)
    package288 (1.0.0)
    package289 (1.0.0)
    package290 (1.0.0)
    package291 (1.0.0)
    package292 (1.0.0)
    package293 (1.0.0)
    package294 (1.0.0)
    package295 (1.0.0)
    package296 (1.0.0)
    package297 (1.0.0)
    package298 (1.0.0)
    package299 (1.0.0)
    package300 (1.0.0)
    package301 (1.0.0)
    package302 (1.0.0)
    package303 (1.0.0)
    package304 (1.0.0)
    package305 (1.0.0)
    package306 (1.0.0)
    package307 (1.0.0)
    package308 (1.0.0)
    package309 (1.0.0)
    package310 (1.0.0)
    package311 (1.0.0)
    package312 (1.0.0)
    package313 (1.0.0)
    package314 (1.0.0)
    package315 (1.0.0)
    package316 (1.0.0)
    package317 (1.0.0)
    package318 (1.0.0)
    package319 (1.0.0)
    package320 (1.0.0)
    package321 (1.0.0)
    package322 (1.0.0)
    package323 (1.0.0)
    package324 (1.0.0)
    package325 (1.0.0)
    package326 (1.0.0)
    package327 (1.0.0)
    package328 (1.0.0)
    package329 (1.0.0)
    package330 (1.0.0)
    package331 (1.0.0)
    package332 (1.0.0)
    package333 (1.0.0)
    package334 (1.0.0)
    package335 (1.0.0)
    package336 (1.0.0)
    package337 (1.0.0)
    package338 (1.0.0)
    package339 (1.0.0)
    package340 (1.0.0)
    package341 (1.0.0)
    package342 (1.0.0)
    package343 (1.0.0)
    package344 (1.0.0)
    package345 (1.0.0)
    package346 (1.0.0)
    package347 (1.0.0)
    package348 (1.0.0)
    package349 (1.0.0)
    package350 (1.0.0)
    package351 (1.0.0)
    package352 (1.0.0)
    package353 (1.0.0)
    package354 (1.0.0)
    package355 (1.0.0)
    package356 (1.0.0)
    package357 (1.0.0)
    package358 (1.0.0)
    package359 (1.0.0)
    package360 (1.0.0)
    package361 (1.0.0)
    package362 (1.0.0)
    package363 (1.0.0)
    package364 (1.0.0)
    package365 (1.0.0)
    package366 (1.0.0)
    package367 (1.0.0)
    package368 (1.0.0)
    package369 (1.0.0)
    package370 (1.0.0)
    package371 (1.0.0)
    package372 (1.0.0)
    package373 (1.0.0)
    package374 (1.0.0)
    package375 (1.0.0)
    package376 (1.0.0)
    package377 (1.0.0)
    package378 (1.0.0)
    package379 (1.0.0)
    package380 (1.0.0)
    package381 (1.0.0)
    package382 (1.0.0)
    package383 (1.0.0)
    package384 (1.0.0)
    package385 (1.0.0)
    package386 (1.0.0)
    package387 (1.0.0)
    package388 (1.0.0)
    package389 (1.0.0)
    package390 (1.0.0)
    package391 (1.0.0)
    package392 (1.0.0)
    package393 (1.0.0)
    package394 (1.0.0)
    package395 (1.0.0)
    package396 (1.0.0)
    package397 (1.0.0)
    package398 (1.0.0)
    package399 (1.0.0)
    package400 (1.0.0)
    package401 (1.0.0)
    package402 (1.0.0)
    package403 (1.0.0)
    package404 (1.0.0)
    package405 (1.0.0)
    package406 (1.0.0)
    package407 (1.0.0)
    package408 (1.0.0)
    package409 (1.0.0)
    package410 (1.0.0)
    package411 (1.0.0)
    package412 (1.0.0)
    package413 (1.0.0)
    package414 (1.0.0)
    package415 (1.0.0)
    package416 (1.0.0)
    package417 (1.0.0)
    package418 (1.0.0)
    package419 (1.0.0)
    package420 (1.0.0)
    package421 (1.0.0)
    package422 (1.0.0)
    package423 (1.0.0)
    package424 (1.0.0)
    package425 (1.0.0)
    package426 (1.0.0)
    package427 (1.0.0)
    package428 (1.0.0)
    package429 (1.0.0)
    package430 (1.0.0)
    package431 (1.0.0)
    package432 (1.0.0)
    package433 (1.0.0)
    package434 (1.0.0)
    package435 (1.0.0)
    package436 (1.0.0)
    package437 (1.0.0)
    package438 (1.0.0)
    package439 (1.0.0)
    package440 (1.0.0)
    package441 (1.0.0)
    package442 (1.0.0)
    package443 (1.0.0)
    package444 (1.0.0)
    package445 (1.0.0)
    package446 (1.0.0)
    package447 (1.0.0)
    package448 (1.0.0)
    package449 (1.0.0)
    package450 (1.0.0)
    package451 (1.0.0)
    package452 (1.0.0)
    package453 (1.0.0)
    package454 (1.0.0)
    package455 (1.0.0)
    package456 (1.0.0)
    package457 (1.0.0)
    package458 (1.0.0)
    package459 (1.0.0)
    package460 (1.0.0)
    package461 (1.0.0)
    package462 (1.0.0)
    package463 (1.0.0)
    package464 (1.0.0)
    package465 (1.0.0)
    package466 (1.0.0)
    package467 (1.0.0)
    package468 (1.0.0)
    package469 (1.0.0)
    package470 (1.0.0)
    package471 (1.0.0)
    package472 (1.0.0)
    package473 (1.0.0)
    package474 (1.0.0)
    package475 (1.0.0)
    package476 (1.0.0)
    package477 (1.0.0)
    package478 (1.0.0)
    package479 (1.0.0)
    package480 (1.0.0)
    package481 (1.0.0)
    package482 (1.0.0)
    package483 (1.0.0)
    package484 (1.0.0)
    package485 (1.0.0)
    package486 (1.0.0)
    package487 (1.0.0)
    package488 (1.0.0)
    package489 (1.0.0)
    package490 (1.0.0)
    package491 (1.0.0)
    package492 (1.0.0)
    package493 (1.0.0)
    package494 (1.0.0)
    package495 (1.0.0)
    package496 (1.0.0)
    package497 (1.0.0)
    package498 (1.0.0)
    package499 (1.0.0)
    package500 (1.0.0)
    package501 (1.0.0)
    package502 (1.0.0)
    package503 (1.0.0)
    package504 (1.0.0)
    package505 (1.0.0)
    package506 (1.0.0)
    package507 (1.0.0)
    package508 (1.0.0)
    package509 (1.0.0)
    package510 (1.0.0)
    package511 (1.0.0)
    package512 (1.0.0)
    package513 (1.0.0)
    package514 (1.0.0)
    package515 (1.0.0)
    package516 (1.0.0)
    package517 (1.0.0)
    package518 (1.0.0)
    package519 (1.0.0)
    package520 (1.0.0)
    package521 (1.0.0)
    package522 (1.0.0)
    package523 (1.0.0)
    package524 (1.0.0)
    package525 (1.0.0)
    package526 (1.0.0)
    package527 (1.0.0)
    package528 (1.0.0)
    package529 (1.0.0)
    package530 (1.0.0)
    package531 (1.0.0)
    package532 (1.0.0)
    package533 (1.0.0)
    package534 (1.0.0)
    package535 (1.0.0)
    package536 (1.0.0)
    package537 (1.0.0)
    package538 (1.0.0)
    package539 (1.0.0)
    package540 (1.0.0)
    package541 (1.0.0)
    package542 (1.0.0)
    package543 (1.0.0)
    package544 (1.0.0)
    package545 (1.0.0)
    package546 (1.0.0)
    package547 (1.0.0)
    package548 (1.0.0)
    package549 (1.0.0)
    package550 (1.0.0)
    package551 (1.0.0)
    package552 (1.0.0)
    package553 (1.0.0)
    package554 (1.0.0)
    package555 (1.0.0)
    package556 (1.0.0)
    package557 (1.0.0)
    package558 (1.0.0)
    package559 (1.0.0)
    package560 (1.0.0)
    package561 (1.0.0)
    package562 (1.0.0)
    package563 (1.0.0)
    package564 (1.0.0)
    package565 (1.0.0)
    package566 (1.0.0)
    package567 (1.0.0)
    package568 (1.0.0)
    package569 (1.0.0)
    package570 (1.0.0)
    package571 (1.0.0)
    package572 (1.0.0)
    package573 (1.0.0)
    package574 (1.0.0)
    package575 (1.0.0)
    package576 (1.0.0)
    package577 (1.0.0)
    package578 (1.0.0)
    package579 (1.0.0)
    package580 (1.0.0)
    package581 (1.0.0)
    package582 (1.0.0)
    package583 (1.0.0)
    package584 (1.0.0)
    package585 (1.0.0)
    package586 (1.0.0)
    package587 (1.0.0)
    package588 (1.0.0)
    package589 (1.0.0)
    package590 (1.0.0)
    package591 (1.0.0)
    package592 (1.0.0)
    package593 (1.0.0)
    package594 (1.0.0)
    package595 (1.0.0)
    package596 (1.0.0)
    package597 (1.0.0)
    package598 (1.0.0)
    package599 (1.0.0)
    package600 (1.0.0)
    package601 (1.0.0)
    package602 (1.0.0)
    package603 (1.0.0)
    package604 (1.0.0)
    package605 (1.0.0)
    package606 (1.0.0)
    package607 (1.0.0)
    package608 (1.0.0)
    package609 (1.0.0)
    package610 (1.0.0)
    package611 (1.0.0)
    package612 (1.0.0)
    package613 (1.0.0)
    package614 (1.0.0)
    package615 (1.0.0)
    package616 (1.0.0)
    package617 (1.0.0)
    package618 (1.0.0)
    package619 (1.0.0)
    package620 (1.0.0)
    package621 (1.0.0)
    package622 (1.0.0)
    package623 (1.0.0)
    package624 (1.0.0)
    package625 (1.0.0)
    package626 (1.0.0)
    package627 (1.0.0)
    package628 (1.0.0)
    package629 (1.0.0)
    package630 (1.0.0)
    package631 (1.0.0)
    package632 (1.0.0)
    package633 (1.0.0)
    package634 (1.0.0)
    package635 (1.0.0)
    package636 (1.0.0)
    package637 (1.0.0)
    package638 (1.0.0)
    package639 (1.0.0)
    package640 (1.0.0)
    package641 (1.0.0)
    package642 (1.0.0)
    package643 (1.0.0)
    package644 (1.0.0)
    package645 (1.0.0)
    package646 (1.0.0)
    package647 (1.0.0)
    package648 (1.0.0)
    package649 (1.0.0)
    package650 (1.0.0)
    package651 (1.0.0)
    package652 (1.0.0)
    package653 (1.0.0)
    package654 (1.0.0)
    package655 (1.0.0)
    package656 (1.0.0)
    package657 (1.0.0)
    package658 (1.0.0)
    package659 (1.0.0)
    package660 (1.0.0)
    package661 (1.0.0)
    package662 (1.0.0)
    package663 (1.0.0)
    package664 (1.0.0)
    package665 (1.0.0)
    package666 (1.0.0)
    package667 (1.0.0)
    package668 (1.0.0)
    package669 (1.0.0)
    package670 (1.0.0)
    package671 (1.0.0)
    package672 (1.0.0)
    package673 (1.0.0)
    package674 (1.0.0)
    package675 (1.0.0)
    package676 (1.0.0)
    package677 (1.0.0)
    package678 (1.0.0)
    package679 (1.0.0)
    package680 (1.0.0)
    package681 (1.0.0)
    package682 (1.0.0)
    package683 (1.0.0)
    package684 (1.0.0)
    package685 (1.0.0)
    package686 (1.0.0)
    package687 (1.0.0)
    package688 (1.0.0)
    package689 (1.0.0)
    package690 (1.0.0)
    package691 (1.0.0)
    package692 (1.0.0)
    package693 (1.0.0)
    package694 (1.0.0)
    package695 (1.0.0)
    package696 (1.0.0)
    package697 (1.0.0)
    package698 (1.0.0)
    package699 (1.0.0)
    package700 (1.0.0)
    package701 (1.0.0)
    package702 (1.0.0)
    package703 (1.0.0)
    package704 (1.0.0)
    package705 (1.0.0)
    package706 (1.0.0)
    package707 (1.0.0)
    package708 (1.0.0)
    package709 (1.0.0)
    package710 (1.0.0)
    package711 (1.0.0)
    package712 (1.0.0)
    package713 (1.0.0)
    package714 (1.0.0)
    package715 (1.0.0)
    package716 (1.0.0)
    package717 (1.0.0)
    package718 (1.0.0)
    package719 (1.0.0)
    package720 (1.0.0)
    package721 (1.0.0)
    package722 (1.0.0)
    package723 (1.0.0)
    package724 (1.0.0)
    package725 (1.0.0)
    package726 (1.0.0)
    package727 (1.0.0)
    package728 (1.0.0)
    package729 (1.0.0)
    package730 (1.0.0)
    package731 (1.0.0)
    package732 (1.0.0)
    package733 (1.0.0)
    package734 (1.0.0)
    package735 (1.0.0)
    package736 (1.0.0)
    package737 (1.0.0)
    package738 (1.0.0)
    package739 (1.0.0)
    package740 (1.0.0)
    package741 (1.0.0)
    package742 (1.0.0)
    package743 (1.0.0)
    package744 (1.0.0)
    package745 (1.0.0)
    package746 (1.0.0)
    package747 (1.0.0)
    package748 (1.0.0)
    package749 (1.0.0)
    package750 (1.0.0)
    package751 (1.0.0)
    package752 (1.0.0)
    package753 (1.0.0)
    package754 (1.0.0)
    package755 (1.0.0)
    package756 (1.0.0)
    package757 (1.0.0)
    package758 (1.0.0)
    package759 (1.0.0)
    package760 (1.0.0)
    package761 (1.0.0)
    package762 (1.0.0)
    package763 (1.0.0)
    package764 (1.0.0)
    package765 (1.0.0)
    package766 (1.0.0)
    package767 (1.0.0)
    package768 (1.0.0)
    package769 (1.0.0)
    package770 (1.0.0)
    package771 (1.0.0)
    package772 (1.0.0)
    package773 (1.0.0)
    package774 (1.0.0)
    package775 (1.0.0)
    package776 (1.0.0)
    package777 (1.0.0)
    package778 (1.0.0)
    package779 (1.0.0)
    package780 (1.0.0)
    package781 (1.0.0)
    package782 (1.0.0)
    package783 (1.0.0)
    package784 (1.0.0)
    package785 (1.0.0)
    package786 (1.0.0)
    package787 (1.0.0)
    package788 (1.0.0)
    package789 (1.0.0)
    package790 (1.0.0)
    package791 (1.0.0)
    package792 (1.0.0)
    package793 (1.0.0)
    package794 (1.0.0)
    package795 (1.0.0)
    package796 (1.0.0)
    package797 (1.0.0)
    package798 (1.0.0)
    package799 (1.0.0)
    package800 (1.0.0)
    package801 (1.0.0)
    package802 (1.0.0)
    package803 (1.0.0)
    package804 (1.0.0)
    package805 (1.0.0)
    package806 (1.0.0)
    package807 (1.0.0)
    package808 (1.0.0)
    package809 (1.0.0)
    package810 (1.0.0)
    package811 (1.0.0)
    package812 (1.0.0)
    package813 (1.0.0)
    package814 (1.0.0)
    package815 (1.0.0)
    package816 (1.0.0)
    package817 (1.0.0)
    package818 (1.0.0)
    package819 (1.0.0)
    package820 (1.0.0)
    package821 (1.0.0)
    package822 (1.0.0)
    package823 (1.0.0)
    package824 (1.0.0)
    package825 (1.0.0)
    package826 (1.0.0)
    package827 (1.0.0)
    package828 (1.0.0)
    package829 (1.0.0)
    package830 (1.0.0)
    package831 (1.0.0)
    package832 (1.0.0)
    package833 (1.0.0)
    package834 (1.0.0)
    package835 (1.0.0)
    package836 (1.0.0)
    package837 (1.0.0)
    package838 (1.0.0)
    package839 (1.0.0)
    package840 (1.0.0)
    package841 (1.0.0)
    package842 (1.0.0)
    package843 (1.0.0)
    package844 (1.0.0)
    package845 (1.0.0)
    package846 (1.0.0)
    package847 (1.0.0)
    package848 (1.0.0)
    package849 (1.0.0)
    package850 (1.0.0)
    package851 (1.0.0)
    package852 (1.0.0)
    package853 (1.0.0)
    package854 (1.0.0)
    package855 (1.0.0)
    package856 (1.0.0)
    package857 (1.0.0)
    package858 (1.0.0)
    package859 (1.0.0)
    package860 (1.0.0)
    package861 (1.0.0)
    package862 (1.0.0)
    package863 (1.0.0)
    package864 (1.0.0)
    package865 (1.0.0)
    package866 (1.0.0)
    package867 (1.0.0)
    package868 (1.0.0)
    package869 (1.0.0)
    package870 (1.0.0)
    package871 (1.0.0)
    package872 (1.0.0)
    package873 (1.0.0)
    package874 (1.0.0)
    package875 (1.0.0)
    package876 (1.0.0)
    package877 (1.0.0)
    package878 (1.0.0)
    package879 (1.0.0)
    package880 (1.0.0)
    package881 (1.0.0)
    package882 (1.0.0)
    package883 (1.0.0)
    package884 (1.0.0)
    package885 (1.0.0)
    package886 (1.0.0)
    package887 (1.0.0)
    package888 (1.0.0)
    package889 (1.0.0)
    package890 (1.0.0)
    package891 (1.0.0)
    package892 (1.0.0)
    package893 (1.0.0)
    package894 (1.0.0)
    package895 (1.0.0)
    package896 (1.0.0)
    package897 (1.0.0)
    package898 (1.0.0)
    package899 (1.0.0)
    package900 (1.0.0)
    package901 (1.0.0)
    package902 (1.0.0)
    package903 (1.0.0)
    package904 (1.0.0)
    package905 (1.0.0)
    package906 (1.0.0)
    package907 (1.0.0)
    package908 (1.0.0)
    package909 (1.0.0)
    package910 (1.0.0)
    package911 (1.0.0)
    package912 (1.0.0)
    package913 (1.0.0)
    package914 (1.0.0)
    package915 (1.0.0)
    package916 (1.0.0)
    package917 (1.0.0)
    package918 (1.0.0)
    package919 (1.0.0)
    package920 (1.0.0)
    package921 (1.0.0)
    package922 (1.0.0)
    package923 (1.0.0)
    package924 (1.0.0)
    package925 (1.0.0)
    package926 (1.0.0)
    package927 (1.0.0)
    package928 (1.0.0)
    package929 (1.0.0)
    package930 (1.0.0)
    package931 (1.0.0)
    package932 (1.0.0)
    package933 (1.0.0)
    package934 (1.0.0)
    package935 (1.0.0)
    package936 (1.0.0)
    package937 (1.0.0)
    package938 (1.0.0)
    package939 (1.0.0)
    package940 (1.0.0)
    package941 (1.0.0)
    package942 (1.0.0)
    package943 (1.0.0)
    package944 (1.0.0)
    package945 (1.0.0)
    package946 (1.0.0)
    package947 (1.0.0)
    package948 (1.0.0)
    package949 (1.0.0)
    package950 (1.0.0)
    package951 (1.0.0)
    package952 (1.0.0)
    package953 (1.0.0)
    package954 (1.0.0)
    package955 (1.0.0)
    package956 (1.0.0)
    package957 (1.0.0)
    package958 (1.0.0)
    package959 (1.0.0)
    package960 (1.0.0)
    package961 (1.0.0)
    package962 (1.0.0)
    package963 (1.0.0)
    package964 (1.0.0)
    package965 (1.0.0)
    package966 (1.0.0)
    package967 (1.0.0)
    package968 (1.0.0)
    package969 (1.0.0)
    package970 (1.0.0)
    package971 (1.0.0)
    package972 (1.0.0)
    package973 (1.0.0)
    package974 (1.0.0)
    package975 (1.0.0)
    package976 (1.0.0)
    package977 (1.0.0)
    package978 (1.0.0)
    package979 (1.0.0)
    package980 (1.0.0)
    package981 (1.0.0)
    package982 (1.0.0)
    package983 (1.0.0)
    package984 (1.0.0)
    package985 (1.0.0)
    package986 (1.0.0)
    package987 (1.0.0)
    package988 (1.0.0)
    package989 (1.0.0)
    package990 (1.0.0)
    package991 (1.0.0)
    package992 (1.0.0)
    package993 (1.0.0)
    package994 (1.0.0)
    package995 (1.0.0)
    package996 (1.0.0)
    package997 (1.0.0)
    package998 (1.0.0)
    package999 (1.0.0)
    package1000 (1.0.0)
    package1001 (1.0.0)
    package1002 (1.0.0)
    package1003 (1.0.0)
    package1004 (1.0.0)
    package1005 (1.0.0)
    package1006 (1.0.0)
    package1007 (1.0.0)
    package1008 (1.0.0)
    package1009 (1.0.0)
    package1010 (1.0.0)
    package1011 (1.0.0)
    package1012 (1.0.0)
    package1013 (1.0.0)
    package1014 (1.0.0)
    package1015 (1.0.0)
    package1016 (1.0.0)
    package1017 (1.0.0)
    package1018 (1.0.0)
    package1019 (1.0.0)
    package1020 (1.0.0)
    package1021 (1.0.0)
    package1022 (1.0.0)
    package1023 (1.0.0)
    package1024 (1.0.0)
    package1025 (1.0.0)
    package1026 (1.0.0)
    package1027 (1.0.0)
    package1028 (1.0.0)
    package1029 (1.0.0)
    package1030 (1.0.0)
    package1031 (1.0.0)
    package1032 (1.0.0)
    package1033 (1.0.0)
    package1034 (1.0.0)
    package1035 (1.0.0)
    package1036 (1.0.0)
    package1037 (1.0.0)
    package1038 (1.0.0)
    package1039 (1.0.0)
    package1040 (1.0.0)
    package1041 (1.0.0)
    package1042 (1.0.0)
    package1043 (1.0.0)
    package1044 (1.0.0)
    package1045 (1.0.0)
    package1046 (1.0.0)
    package1047 (1.0.0)
    package1048 (1.0.0)
    package1049 (1.0.0)
    package1050 (1.0.0)
    package1051 (1.0.0)
    package1052 (1.0.0)
    package1053 (1.0.0)
    package1054 (1.0.0)
    package1055 (1.0.0)
    package1056 (1.0.0)
    package1057 (1.0.0)
    package1058 (1.0.0)
    package1059 (1.0.0)
    package1060 (1.0.0)
    package1061 (1.0.0)
    package1062 (1.0.0)
    package1063 (1.0.0)
    package1064 (1.0.0)
    package1065 (1.0.0)
    package1066 (1.0.0)
    package1067 (1.0.0)
    package1068 (1.0.0)
    package1069 (1.0.0)
    package1070 (1.0.0)
    package1071 (1.0.0)
    package1072 (1.0.0)
    package1073 (1.0.0)
    package1074 (1.0.0)
    package1075 (1.0.0)
    package1076 (1.0.0)
    package1077 (1.0.0)
    package1078 (1.0.0)
    package1079 (1.0.0)
    package1080 (1.0.0)
    package1081 (1.0.0)
    package1082 (1.0.0)
    package1083 (1.0.0)
    package1084 (1.0.0)
    package1085 (1.0.0)
    package1086 (1.0.0)
    package1087 (1.0.0)
    package1088 (1.0.0)
    package1089 (1.0.0)
    package1090 (1.0.0)
    package1091 (1.0.0)
    package1092 (1.0.0)
    package1093 (1.0.0)
    package1094 (1.0.0)
    package1095 (1.0.0)
    package1096 (1.0.0)
    package1097 (1.0.0)
    package1098 (1.0.0)
    package1099 (1.0.0)
    package1100 (1.0.0)
    package1101 (1.0.0)
    package1102 (1.0.0)
    package1103 (1.0.0)
    package1104 (1.0.0)
    package1105 (1.0.0)
    package1106 (1.0.0)
    package1107 (1.0.0)
    package1108 (1.0.0)
    package1109 (1.0.0)
    package1110 (1.0.0)
    package1111 (1.0.0)
    package1112 (1.0.0)
    package1113 (1.0.0)
    package1114 (1.0.0)
    package1115 (1.0.0)
    package1116 (1.0.0)
    package1117 (1.0.0)
    package1118 (1.0.0)
    package1119 (1.0.0)
    package1120 (1.0.0)
    package1121 (1.0.0)
    package1122 (1.0.0)
    package1123 (1.0.0)
    package1124 (1.0.0)
    package1125 (1.0.0)
    package1126 (1.0.0)
    package1127 (1.0.0)
    package1128 (1.0.0)
    package1129 (1.0.0)
    package1130 (1.0.0)
    package1131 (1.0.0)
    package1132 (1.0.0)
    package1133 (1.0.0)
    package1134 (1.0.0)
    package1135 (1.0.0)
    package1136 (1.0.0)
    package1137 (1.0.0)
    package1138 (1.0.0)
    package1139 (1.0.0)
    package1140 (1.0.0)
    package1141 (1.0.0)
    package1142 (1.0.0)
    package1143 (1.0.0)
    package1144 (1.0.0)
    package1145 (1.0.0)
    package1146 (1.0.0)
    package1147 (1.0.0)
    package1148 (1.0.0)
    package1149 (1.0.0)
    package1150 (1.0.0)
    package1151 (1.0.0)
    package1152 (1.0.0)
    package1153 (1.0.0)
    package1154 (1.0.0)
    package1155 (1.0.0)
    package1156 (1.0.0)
    package1157 (1.0.0)
    package1158 (1.0.0)
    package1159 (1.0.0)
    package1160 (1.0.0)
    package1161 (1.0.0)
    package1162 (1.0.0)
    package1163 (1.0.0)
    package1164 (1.0.0)
    package1165 (1.0.0)
    package1166 (1.0.0)
    package1167 (1.0.0)
    package1168 (1.0.0)
    package1169 (1.0.0)
    package1170 (1.0.0)
    package1171 (1.0.0)
    package1172 (1.0.0)
    package1173 (1.0.0)
    package1174 (1.0.0)
    package1175 (1.0.0)
    package1176 (1.0.0)
    package1177 (1.0.0)
    package1178 (1.0.0)
    package1179 (1.0.0)
    package1180 (1.0.0)
    package1181 (1.0.0)
    package1182 (1.0.0)
    package1183 (1.0.0)
    package1184 (1.0.0)
    package1185 (1.0.0)
    package1186 (1.0.0)
    package1187 (1.0.0)
    package1188 (1.0.0)
    package1189 (1.0.0)
    package1190 (1.0.0)
    package1191 (1.0.0)
    package1192 (1.0.0)
    package1193 (1.0.0)
    package1194 (1.0.0)
    package1195 (1.0.0)
    package1196 (1.0.0)
    package1197 (1.0.0)
    package1198 (1.0.0)
    package1199 (1.0.0)
    package1200 (1.0.0)
    package1201 (1.0.0)
    package1202 (1.0.0)
    package1203 (1.0.0)
    package1204 (1.0.0)
    package1205 (1.0.0)
    package1206 (1.0.0)
    package1207 (1.0.0)
    package1208 (1.0.0)
    package1209 (1.0.0)
    package1210 (1.0.0)
    package1211 (1.0.0)
    package1212 (1.0.0)
    package1213 (1.0.0)
    package1214 (1.0.0)
    package1215 (1.0.0)
    package1216 (1.0.0)
    package1217 (1.0.0)
    package1218 (1.0.0)
    package1219 (1.0.0)
    package1220 (1.0.0)
    package1221 (1.0.0)
    package1222 (1.0.0)
    package1223 (1.0.0)
    package1224 (1.0.0)
    package1225 (1.0.0)
    package1226 (1.0.0)
    package1227 (1.0.0)
    package1228 (1.0.0)
    package1229 (1.0.0)
    package1230 (1.0.0)
    package1231 (1.0.0)
    package1232 (1.0.0)
    package1233 (1.0.0)
    package1234 (1.0.0)
    package1235 (1.0.0)
    package1236 (1.0.0)
    package1237 (1.0.0)
    package1238 (1.0.0)
    package1239 (1.0.0)
    package1240 (1.0.0)
    package1241 (1.0.0)
    package1242 (1.0.0)
    package1243 (1.0.0)
    package1244 (1.0.0)
    package1245 (1.0.0)
    package1246 (1.0.0)
    package1247 (1.0.0)
    package1248 (1.0.0)
    package1249 (1.0.0)
    package1250 (1.0.0)
    package1251 (1.0.0)
    package1252 (1.0.0)
    package1253 (1.0.0)
    package1254 (1.0.0)
    package1255 (1.0.0)
    package1256 (1.0.0)
    package1257 (1.0.0)
    package1258 (1.0.0)
    package1259 (1.0.0)
    package1260 (1.0.0)
    package1261 (1.0.0)
    package1262 (1.0.0)
    package1263 (1.0.0)
    package1264 (1.0.0)
    package1265 (1.0.0)
    package1266 (1.0.0)
    package1267 (1.0.0)
    package1268 (1.0.0)
    package1269 (1.0.0)
    package1270 (1.0.0)
    package1271 (1.0.0)
    package1272 (1.0.0)
    package1273 (1.0.0)
    package1274 (1.0.0)
    package1275 (1.0.0)
    package1276 (1.0.0)
    package1277 (1.0.0)
    package1278 (1.0.0)
    package1279 (1.0.0)
    package1280 (1.0.0)
    package1281 (1.0.0)
    package1282 (1.0.0)
    package1283 (1.0.0)
    package1284 (1.0.0)
    package1285 (1.0.0)
    package1286 (1.0.0)
    package1287 (1.0.0)
    package1288 (1.0.0)
    package1289 (1.0.0)
    package1290 (1.0.0)
    package1291 (1.0.0)
    package1292 (1.0.0)
    package1293 (1.0.0)
    package1294 (1.0.0)
    package1295 (1.0.0)
    package1296 (1.0.0)
    package1297 (1.0.0)
    package1298 (1.0.0)
    package1299 (1.0.0)
    package1300 (1.0.0)
    package1301 (1.0.0)
    package1302 (1.0.0)
    package1303 (1.0.0)
    package1304 (1.0.0)
    package1305 (1.0.0)
    package1306 (1.0.0)
    package1307 (1.0.0)
    package1308 (1.0.0)
    package1309 (1.0.0)
    package1310 (1.0.0)
    package1311 (1.0.0)
    package1312 (1.0.0)
    package1313 (1.0.0)
    package1314 (1.0.0)
    package1315 (1.0.0)
    package1316 (1.0.0)
    package1317 (1.0.0)
    package1318 (1.0.0)
    package1319 (1.0.0)
    package1320 (1.0.0)
    package1321 (1.0.0)
    package1322 (1.0.0)
    package1323 (1.0.0)
    package1324 (1.0.0)
    package1325 (1.0.0)
    package1326 (1.0.0)
    package1327 (1.0.0)
    package1328 (1.0.0)
    package1329 (1.0.0)
    package1330 (1.0.0)
    package1331 (1.0.0)
    package1332 (1.0.0)
    package1333 (1.0.0)
    package1334 (1.0.0)
    package1335 (1.0.0)
    package1336 (1.0.0)
    package1337 (1.0.0)
    package1338 (1.0.0)
    package1339 (1.0.0)
    package1340 (1.0.0)
    package1341 (1.0.0)
    package1342 (1.0.0)
    package1343 (1.0.0)
    package1344 (1.0.0)
    package1345 (1.0.0)
    package1346 (1.0.0)
    package1347 (1.0.0)
    package1348 (1.0.0)
    package1349 (1.0.0)
    package1350 (1.0.0)
    package1351 (1.0.0)
    package1352 (1.0.0)
    package1353 (1.0.0)
    package1354 (1.0.0)
    package1355 (1.0.0)
    package1356 (1.0.0)
    package1357 (1.0.0)
    package1358 (1.0.0)
    package1359 (1.0.0)
    package1360 (1.0.0)
    package1361 (1.0.0)
    package1362 (1.0.0)
    package1363 (1.0.0)
    package1364 (1.0.0)
    package1365 (1.0.0)
    package1366 (1.0.0)
    package1367 (1.0.0)
    package1368 (1.0.0)
    package1369 (1.0.0)
    package1370 (1.0.0)
    package1371 (1.0.0)
    package1372 (1.0.0)
    package1373 (1.0.0)
    package1374 (1.0.0)
    package1375 (1.0.0)
    package1376 (1.0.0)
    package1377 (1.0.0)
    package1378 (1.0.0)
    package1379 (1.0.0)
    package1380 (1.0.0)
    package1381 (1.0.0)
    package1382 (1.0.0)
    package1383 (1.0.0)
    package1384 (1.0.0)
    package1385 (1.0.0)
    package1386 (1.0.0)
    package1387 (1.0.0)
    package1388 (1.0.0)
    package1389 (1.0.0)
    package1390 (1.0.0)
    package1391 (1.0.0)
    package1392 (1.0.0)
    package1393 (1.0.0)
    package1394 (1.0.0)
    package1395 (1.0.0)
    package1396 (1.0.0)
    package1397 (1.0.0)
    package1398 (1.0.0)
    package1399 (1.0.0)
    package1400 (1.0.0)
    package1401 (1.0.0)
    package1402 (1.0.0)
    package1403 (1.0.0)
    package1404 (1.0.0)
    package1405 (1.0.0)
    package1406 (1.0.0)
    package1407 (1.0.0)
    package1408 (1.0.0)
    package1409 (1.0.0)
    package1410 (1.0.0)
    package1411 (1.0.0)
    package1412 (1.0.0)
    package1413 (1.0.0)
    package1414 (1.0.0)
    package1415 (1.0.0)
    package1416 (1.0.0)
    package1417 (1.0.0)
    package1418 (1.0.0)
    package1419 (1.0.0)
    package1420 (1.0.0)
    package1421 (1.0.0)
    package1422 (1.0.0)
    package1423 (1.0.0)
    package1424 (1.0.0)
    package1425 (1.0.0)
    package1426 (1.0.0)
    package1427 (1.0.0)
    package1428 (1.0.0)
    package1429 (1.0.0)
    package1430 (1.0.0)
    package1431 (1.0.0)
    package1432 (1.0.0)
    package1433 (1.0.0)
    package1434 (1.0.0)
    package1435 (1.0.0)
    package1436 (1.0.0)
    package1437 (1.0.0)
    package1438 (1.0.0)
    package1439 (1.0.0)
    package1440 (1.0.0)
    package1441 (1.0.0)
    package1442 (1.0.0)
    package1443 (1.0.0)
    package1444 (1.0.0)
    package1445 (1.0.0)
    package1446 (1.0.0)
    package1447 (1.0.0)
    package1448 (1.0.0)
    package1449 (1.0.0)
    package1450 (1.0.0)
    package1451 (1.0.0)
    package1452 (1.0.0)
    package1453 (1.0.0)
    package1454 (1.0.0)
    package1455 (1.0.0)
    package1456 (1.0.0)
    package1457 (1.0.0)
    package1458 (1.0.0)
    package1459 (1.0.0)
    package1460 (1.0.0)
    package1461 (1.0.0)
    package1462 (1.0.0)
    package1463 (1.0.0)
    package1464 (1.0.0)
    package1465 (1.0.0)
    package1466 (1.0.0)
    package1467 (1.0.0)
    package1468 (1.0.0)
    package1469 (1.0.0)
    package1470 (1.0.0)
    package1471 (1.0.0)
    package1472 (1.0.0)
    package1473 (1.0.0)
    package1474 (1.0.0)
    package1475 (1.0.0)
    package1476 (1.0.0)
    package1477 (1.0.0)
    package1478 (1.0.0)
    package1479 (1.0.0)
    package1480 (1.0.0)
    package1481 (1.0.0)
    package1482 (1.0.0)
    package1483 (1.0.0)
    package1484 (1.0.0)
    package1485 (1.0.0)
    package1486 (1.0.0)
    package1487 (1.0.0)
    package1488 (1.0.0)
    package1489 (1.0.0)
    package1490 (1.0.0)
    package1491 (1.0.0)
    package1492 (1.0.0)
    package1493 (1.0.0)
    package1494 (1.0.0)
    package1495 (1.0.0)
    package1496 (1.0.0)
    package1497 (1.0.0)
    package1498 (1.0.0)
    package1499 (1.0.0)
    package1500 (1.0.0)
    package1501 (1.0.0)
    package1502 (1.0.0)
    package1503 (1.0.0)
    package1504 (1.0.0)
    package1505 (1.0.0)
    package1506 (1.0.0)
    package1507 (1.0.0)
    package1508 (1.0.0)
    package1509 (1.0.0)
    package1510 (1.0.0)
    package1511 (1.0.0)
    package1512 (1.0.0)
    package1513 (1.0.0)
    package1514 (1.0.0)
    package1515 (1.0.0)
    package1516 (1.0.0)
    package1517 (1.0.0)
    package1518 (1.0.0)
    package1519 (1.0.0)
    package1520 (1.0.0)
    package1521 (1.0.0)
    package1522 (1.0.0)
    package1523 (1.0.0)
    package1524 (1.0.0)
    package1525 (1.0.0)
    package1526 (1.0.0)
    package1527 (1.0.0)
    package1528 (1.0.0)
    package1529 (1.0.0)
    package1530 (1.0.0)
    package1531 (1.0.0)
    package1532 (1.0.0)
    package1533 (1.0.0)
    package1534 (1.0.0)
    package1535 (1.0.0)
    package1536 (1.0.0)
    package1537 (1.0.0)
    package1538 (1.0.0)
    package1539 (1.0.0)
    package1540 (1.0.0)
    package1541 (1.0.0)
    package1542 (1.0.0)
    package1543 (1.0.0)
    package1544 (1.0.0)
    package1545 (1.0.0)
    package1546 (1.0.0)
    package1547 (1.0.0)
    package1548 (1.0.0)
    package1549 (1.0.0)
    package1550 (1.0.0)
    package1551 (1.0.0)
    package1552 (1.0.0)
    package1553 (1.0.0)
    package1554 (1.0.0)
    package1555 (1.0.0)
    package1556 (1.0.0)
    package1557 (1.0.0)
    package1558 (1.0.0)
    package1559 (1.0.0)
    package1560 (1.0.0)
    package1561 (1.0.0)
    package1562 (1.0.0)
    package1563 (1.0.0)
    package1564 (1.0.0)
    package1565 (1.0.0)
    package1566 (1.0.0)
    package1567 (1.0.0)
    package1568 (1.0.0)
    package1569 (1.0.0)
    package1570 (1.0.0)
    package1571 (1.0.0)
    package1572 (1.0.0)
    package1573 (1.0.0)
    package1574 (1.0.0)
    package1575 (1.0.0)
    package1576 (1.0.0)
    package1577 (1.0.0)
    package1578 (1.0.0)
    package1579 (1.0.0)
    package1580 (1.0.0)
    package1581 (1.0.0)
    package1582 (1.0.0)
    package1583 (1.0.0)
    package1584 (1.0.0)
    package1585 (1.0.0)
    package1586 (1.0.0)
    package1587 (1.0.0)
    package1588 (1.0.0)
    package1589 (1.0.0)
    package1590 (1.0.0)
    package1591 (1.0.0)
    package1592 (1.0.0)
    package1593 (1.0.0)
    package1594 (1.0.0)
    package1595 (1.0.0)
    package1596 (1.0.0)
    package1597 (1.0.0)
    package1598 (1.0.0)
    package1599 (1.0.0)
    package1600 (1.0.0)
    package1601 (1.0.0)
    package1602 (1.0.0)
    package1603 (1.0.0)
    package1604 (1.0.0)
    package1605 (1.0.0)
    package1606 (1.0.0)
    package1607 (1.0.0)
    package1608 (1.0.0)
    package1609 (1.0.0)
    package1610 (1.0.0)
    package1611 (1.0.0)
    package1612 (1.0.0)
    package1613 (1.0.0)
    package1614 (1.0.0)
    package1615 (1.0.0)
    package1616 (1.0.0)
    package1617 (1.0.0)
    package1618 (1.0.0)
    package1619 (1.0.0)
    package1620 (1.0.0)
    package1621 (1.0.0)
    package1622 (1.0.0)
    package1623 (1.0.0)
    package1624 (1.0.0)
    package1625 (1.0.0)
    package1626 (1.0.0)
    package1627 (1.0.0)
    package1628 (1.0.0)
    package1629 (1.0.0)
    package1630 (1.0.0)
    package1631 (1.0.0)
    package1632 (1.0.0)
    package1633 (1.0.0)
    package1634 (1.0.0)
    package1635 (1.0.0)
    package1636 (1.0.0)
    package1637 (1.0.0)
    package1638 (1.0.0)
    package1639 (1.0.0)
    package1640 (1.0.0)
    package1641 (1.0.0)
    package1642 (1.0.0)
    package1643 (1.0.0)
    package1644 (1.0.0)
    package1645 (1.0.0)
    package1646 (1.0.0)
    package1647 (1.0.0)
    package1648 (1.0.0)
    package1649 (1.0.0)
    package1650 (1.0.0)
    package1651 (1.0.0)
    package1652 (1.0.0)
    package1653 (1.0.0)
    package1654 (1.0.0)
    package1655 (1.0.0)
    package1656 (1.0.0)
    package1657 (1.0.0)
    package1658 (1.0.0)
    package1659 (1.0.0)
    package1660 (1.0.0)
    package1661 (1.0.0)
    package1662 (1.0.0)
    package1663 (1.0.0)
    package1664 (1.0.0)
    package1665 (1.0.0)
    package1666 (1.0.0)
    package1667 (1.0.0)
    package1668 (1.0.0)
    package1669 (1.0.0)
    package1670 (1.0.0)
    package1671 (1.0.0)
    package1672 (1.0.0)
    package1673 (1.0.0)
    package1674 (1.0.0)
    package1675 (1.0.0)
    package1676 (1.0.0)
    package1677 (1.0.0)
    package1678 (1.0.0)
    package1679 (1.0.0)
    package1680 (1.0.0)
    package1681 (1.0.0)
    package1682 (1.0.0)
    package1683 (1.0.0)
    package1684 (1.0.0)
    package1685 (1.0.0)
    package1686 (1.0.0)
    package1687 (1.0.0)
    package1688 (1.0.0)
    package1689 (1.0.0)
    package1690 (1.0.0)
    package1691 (1.0.0)
    package1692 (1.0.0)
    package1693 (1.0.0)
    package1694 (1.0.0)
    package1695 (1.0.0)
    package1696 (1.0.0)
    package1697 (1.0.0)
    package1698 (1.0.0)
    package1699 (1.0.0)
    package1700 (1.0.0)
    package1701 (1.0.0)
    package1702 (1.0.0)
    package1703 (1.0.0)
    package1704 (1.0.0)
    package1705 (1.0.0)
    package1706 (1.0.0)
    package1707 (1.0.0)
    package1708 (1.0.0)
    package1709 (1.0.0)
    package1710 (1.0.0)
    package1711 (1.0.0)
    package1712 (1.0.0)
    package1713 (1.0.0)
    package1714 (1.0.0)
    package1715 (1.0.0)
    package1716 (1.0.0)
    package1717 (1.0.0)
    package1718 (1.0.0)
    package1719 (1.0.0)
    package1720 (1.0.0)
    package1721 (1.0.0)
    package1722 (1.0.0)
    package1723 (1.0.0)
    package1724 (1.0.0)
    package1725 (1.0.0)
    package1726 (1.0.0)
    package1727 (1.0.0)
    package1728 (1.0.0)
    package1729 (1.0.0)
    package1730 (1.0.0)
    package1731 (1.0.0)
    package1732 (1.0.0)
    package1733 (1.0.0)
    package1734 (1.0.0)
    package1735 (1.0.0)
    package1736 (1.0.0)
    package1737 (1.0.0)
    package1738 (1.0.0)
    package1739 (1.0.0)
    package1740 (1.0.0)
    package1741 (1.0.0)
    package1742 (1.0.0)
    package1743 (1.0.0)
    package1744 (1.0.0)
    package1745 (1.0.0)
    package1746 (1.0.0)
    package1747 (1.0.0)
    package1748 (1.0.0)
    package1749 (1.0.0)
    package1750 (1.0.0)
    package1751 (1.0.0)
    package1752 (1.0.0)
    package1753 (1.0.0)
    package1754 (1.0.0)
    package1755 (1.0.0)
    package1756 (1.0.0)
    package1757 (1.0.0)
    package1758 (1.0.0)
    package1759 (1.0.0)
    package1760 (1.0.0)
    package1761 (1.0.0)
    package1762 (1.0.0)
    package1763 (1.0.0)
    package1764 (1.0.0)
    package1765 (1.0.0)
    package1766 (1.0.0)
    package1767 (1.0.0)
    package1768 (1.0.0)
    package1769 (1.0.0)
    package1770 (1.0.0)
    package1771 (1.0.0)
    package1772 (1.0.0)
    package1773 (1.0.0)
    package1774 (1.0.0)
    package1775 (1.0.0)
    package1776 (1.0.0)
    package1777 (1.0.0)
    package1778 (1.0.0)
    package1779 (1.0.0)
    package1780 (1.0.0)
    package1781 (1.0.0)
    package1782 (1.0.0)
    package1783 (1.0.0)
    package1784 (1.0.0)
    package1785 (1.0.0)
    package1786 (1.0.0)
    package1787 (1.0.0)
    package1788 (1.0.0)
    package1789 (1.0.0)
    package1790 (1.0.0)
    package1791 (1.0.0)
    package1792 (1.0.0)
    package1793 (1.0.0)
    package1794 (1.0.0)
    package1795 (1.0.0)
    package1796 (1.0.0)
    package1797 (1.0.0)
    package1798 (1.0.0)
    package1799 (1.0.0)
    package1800 (1.0.0)
    package1801 (1.0.0)
    package1802 (1.0.0)
    package1803 (1.0.0)
    package1804 (1.0.0)
    package1805 (1.0.0)
    package1806 (1.0.0)
    package1807 (1.0.0)
    package1808 (1.0.0)
    package1809 (1.0.0)
    package1810 (1.0.0)
    package1811 (1.0.0)
    package1812 (1.0.0)
    package1813 (1.0.0)
    package1814 (1.0.0)
    package1815 (1.0.0)
    package1816 (1.0.0)
    package1817 (1.0.0)
    package1818 (1.0.0)
    package1819 (1.0.0)
    package1820 (1.0.0)
    package1821 (1.0.0)
    package1822 (1.0.0)
    package1823 (1.0.0)
    package1824 (1.0.0)
    package1825 (1.0.0)
    package1826 (1.0.0)
    package1827 (1.0.0)
    package1828 (1.0.0)
    package1829 (1.0.0)
    package1830 (1.0.0)
    package1831 (1.0.0)
    package1832 (1.0.0)
    package1833 (1.0.0)
    package1834 (1.0.0)
    package1835 (1.0.0)
    package1836 (1.0.0)
    package1837 (1.0.0)
    package1838 (1.0.0)
    package1839 (1.0.0)
    package1840 (1.0.0)
    package1841 (1.0.0)
    package1842 (1.0.0)
    package1843 (1.0.0)
    package1844 (1.0.0)
    package1845 (1.0.0)
    package1846 (1.0.0)
    package1847 (1.0.0)
    package1848 (1.0.0)
    package1849 (1.0.0)
    package1850 (1.0.0)
    package1851 (1.0.0)
    package1852 (1.0.0)
    package1853 (1.0.0)
    package1854 (1.0.0)
    package1855 (1.0.0)
    package1856 (1.0.0)
    package1857 (1.0.0)
    package1858 (1.0.0)
    package1859 (1.0.0)
    package1860 (1.0.0)
    package1861 (1.0.0)
    package1862 (1.0.0)
    package1863 (1.0.0)
    package1864 (1.0.0)
    package1865 (1.0.0)
    package1866 (1.0.0)
    package1867 (1.0.0)
    package1868 (1.0.0)
    package1869 (1.0.0)
    package1870 (1.0.0)
    package1871 (1.0.0)
    package1872 (1.0.0)
    package1873 (1.0.0)
    package1874 (1.0.0)
    package1875 (1.0.0)
    package1876 (1.0.0)
    package1877 (1.0.0)
    package1878 (1.0.0)
    package1879 (1.0.0)
    package1880 (1.0.0)
    package1881 (1.0.0)
    package1882 (1.0.0)
    package1883 (1.0.0)
    package1884 (1.0.0)
    package1885 (1.0.0)
    package1886 (1.0.0)
    package1887 (1.0.0)
    package1888 (1.0.0)
    package1889 (1.0.0)
    package1890 (1.0.0)
    package1891 (1.0.0)
    package1892 (1.0.0)
    package1893 (1.0.0)
    package1894 (1.0.0)
    package1895 (1.0.0)
    package1896 (1.0.0)
    package1897 (1.0.0)
    package1898 (1.0.0)
    package1899 (1.0.0)
    package1900 (1.0.0)
    package1901 (1.0.0)
    package1902 (1.0.0)
    package1903 (1.0.0)
    package1904 (1.0.0)
    package1905 (1.0.0)
    package1906 (1.0.0)
    package1907 (1.0.0)
    package1908 (1.0.0)
    package1909 (1.0.0)
    package1910 (1.0.0)
    package1911 (1.0.0)
    package1912 (1.0.0)
    package1913 (1.0.0)
    package1914 (1.0.0)
    package1915 (1.0.0)
    package1916 (1.0.0)
    package1917 (1.0.0)
    package1918 (1.0.0)
    package1919 (1.0.0)
    package1920 (1.0.0)
    package1921 (1.0.0)
    package1922 (1.0.0)
    package1923 (1.0.0)
    package1924 (1.0.0)
    package1925 (1.0.0)
    package1926 (1.0.0)
    package1927 (1.0.0)
    package1928 (1.0.0)
    package1929 (1.0.0)
    package1930 (1.0.0)
    package1931 (1.0.0)
    package1932 (1.0.0)
    package1933 (1.0.0)
    package1934 (1.0.0)
    package1935 (1.0.0)
    package1936 (1.0.0)
    package1937 (1.0.0)
    package1938 (1.0.0)
    package1939 (1.0.0)
    package1940 (1.0.0)
    package1941 (1.0.0)
    package1942 (1.0.0)
    package1943 (1.0.0)
    package1944 (1.0.0)
    package1945 (1.0.0)
    package1946 (1.0.0)
    package1947 (1.0.0)
    package1948 (1.0.0)
    package1949 (1.0.0)
    package1950 (1.0.0)
    package1951 (1.0.0)
    package1952 (1.0.0)
    package1953 (1.0.0)
    package1954 (1.0.0)
    package1955 (1.0.0)
    package1956 (1.0.0)
    package1957 (1.0.0)
    package1958 (1.0.0)
    package1959 (1.0.0)
    package1960 (1.0.0)
    package1961 (1.0.0)
    package1962 (1.0.0)
    package1963 (1.0.0)
    package1964 (1.0.0)
    package1965 (1.0.0)
    package1966 (1.0.0)
    package1967 (1.0.0)
    package1968 (1.0.0)
    package1969 (1.0.0)
    package1970 (1.0.0)
    package1971 (1.0.0)
    package1972 (1.0.0)
    package1973 (1.0.0)
    package1974 (1.0.0)
    package1975 (1.0.0)
    package1976 (1.0.0)
    package1977 (1.0.0)
    package1978 (1.0.0)
    package1979 (1.0.0)
    package1980 (1.0.0)
    package1981 (1.0.0)
    package1982 (1.0.0)
    package1983 (1.0.0)
    package1984 (1.0.0)
    package1985 (1.0.0)
    package1986 (1.0.0)
    package1987 (1.0.0)
    package1988 (1.0.0)
    package1989 (1.0.0)
    package1990 (1.0.0)
    package1991 (1.0.0)
    package1992 (1.0.0)
    package1993 (1.0.0)
    package1994 (1.0.0)
    package1995 (1.0.0)
    package1996 (1.0.0)
    package1997 (1.0.0)
    package1998 (1.0.0)
    package1999 (1.0.0)
    package2000 (1.0.0)
    package2001 (1.0.0)
    package2002 (1.0.0)
    package2003 (1.0.0)
    package2004 (1.0.0)
    package2005 (1.0.0)
    package2006 (1.0.0)
    package2007 (1.0.0)
    package2008 (1.0.0)
    package2009 (1.0.0)
    package2010 (1.0.0)
    package2011 (1.0.0)
    package2012 (1.0.0)
    package2013 (1.0.0)
    package2014 (1.0.0)
    package2015 (1.0.0)
    package2016 (1.0.0)
    package2017 (1.0.0)
    package2018 (1.0.0)
    package2019 (1.0.0)
    package2020 (1.0.0)
    package2021 (1.0.0)
    package2022 (1.0.0)
    package2023 (1.0.0)
    package2024 (1.0.0)
    package2025 (1.0.0)
    package2026 (1.0.0)
    package2027 (1.0.0)
    package2028 (1.0.0)
    package2029 (1.0.0)
    package2030 (1.0.0)
    package2031 (1.0.0)
    package2032 (1.0.0)
    package2033 (1.0.0)
    package2034 (1.0.0)
    package2035 (1.0.0)
    package2036 (1.0.0)
    package2037 (1.0.0)
    package2038 (1.0.0)
    package2039 (1.0.0)
    package2040 (1.0.0)
    package2041 (1.0.0)
    package2042 (1.0.0)
    package2043 (1.0.0)
    package2044 (1.0.0)
    package2045 (1.0.0)
    package2046 (1.0.0)
    package2047 (1.0.0)
    package2048 (1.0.0)
    package2049 (1.0.0)
    package2050 (1.0.0)
    package2051 (1.0.0)
    package2052 (1.0.0)
    package2053 (1.0.0)
    package2054 (1.0.0)
    package2055 (1.0.0)
    package2056 (1.0.0)
    package2057 (1.0.0)
    package2058 (1.0.0)
    package2059 (1.0.0)
    package2060 (1.0.0)
    package2061 (1.0.0)
    package2062 (1.0.0)
    package2063 (1.0.0)
    package2064 (1.0.0)
    package2065 (1.0.0)
    package2066 (1.0.0)
    package2067 (1.0.0)
    package2068 (1.0.0)
    package2069 (1.0.0)
    package2070 (1.0.0)
    package2071 (1.0.0)
    package2072 (1.0.0)
    package2073 (1.0.0)
    package2074 (1.0.0)
    package2075 (1.0.0)
    package2076 (1.0.0)
    package2077 (1.0.0)
    package2078 (1.0.0)
    package2079 (1.0.0)
    package2080 (1.0.0)
    package2081 (1.0.0)
    package2082 (1.0.0)
    package2083 (1.0.0)
    package2084 (1.0.0)
    package2085 (1.0.0)
    package2086 (1.0.0)
    package2087 (1.0.0)
    package2088 (1.0.0)
    package2089 (1.0.0)
    package2090 (1.0.0)
    package2091 (1.0.0)
    package2092 (1.0.0)
    package2093 (1.0.0)
    package2094 (1.0.0)
    package2095 (1.0.0)
    package2096 (1.0.0)
    package2097 (1.0.0)
    package2098 (1.0.0)
    package2099 (1.0.0)
    package2100 (1.0.0)
    package2101 (1.0.0)
    package2102 (1.0.0)
    package2103 (1.0.0)
    package2104 (1.0.0)
    package2105 (1.0.0)
    package2106 (1.0.0)
    package2107 (1.0.0)
    package2108 (1.0.0)
    package2109 (1.0.0)
    package2110 (1.0.0)
    package2111 (1.0.0)
    package2112 (1.0.0)
    package2113 (1.0.0)
    package2114 (1.0.0)
    package2115 (1.0.0)
    package2116 (1.0.0)
    package2117 (1.0.0)
    package2118 (1.0.0)
    package2119 (1.0.0)
    package2120 (1.0.0)
    package2121 (1.0.0)
    package2122 (1.0.0)
    package2123 (1.0.0)
    package2124 (1.0.0)
    package2125 (1.0.0)
    package2126 (1.0.0)
    package2127 (1.0.0)
    package2128 (1.0.0)
    package2129 (1.0.0)
    package2130 (1.0.0)
    package2131 (1.0.0)
    package2132 (1.0.0)
    package2133 (1.0.0)
    package2134 (1.0.0)
    package2135 (1.0.0)
    package2136 (1.0.0)
    package2137 (1.0.0)
    package2138 (1.0.0)
    package2139 (1.0.0)
    package2140 (1.0.0)
    package2141 (1.0.0)
    package2142 (1.0.0)
    package2143 (1.0.0)
    package2144 (1.0.0)
    package2145 (1.0.0)
    package2146 (1.0.0)
    package2147 (1.0.0)
    package2148 (1.0.0)
    package2149 (1.0.0)
    package2150 (1.0.0)
    package2151 (1.0.0)
    package2152 (1.0.0)
    package2153 (1.0.0)
    package2154 (1.0.0)
    package2155 (1.0.0)
    package2156 (1.0.0)
    package2157 (1.0.0)
    package2158 (1.0.0)
    package2159 (1.0.0)
    package2160 (1.0.0)
    package2161 (1.0.0)
    package2162 (1.0.0)
    package2163 (1.0.0)
    package2164 (1.0.0)
    package2165 (1.0.0)
    package2166 (1.0.0)
    package2167 (1.0.0)
    package2168 (1.0.0)
    package2169 (1.0.0)
    package2170 (1.0.0)
    package2171 (1.0.0)
    package2172 (1.0.0)
    package2173 (1.0.0)
    package2174 (1.0.0)
    package2175 (1.0.0)
    package2176 (1.0.0)
    package2177 (1.0.0)
    package2178 (1.0.0)
    package2179 (1.0.0)
    package2180 (1.0.0)
    package2181 (1.0.0)
    package2182 (1.0.0)
    package2183 (1.0.0)
    package2184 (1.0.0)
    package2185 (1.0.0)
    package2186 (1.0.0)
    package2187 (1.0.0)
    package2188 (1.0.0)
    package2189 (1.0.0)
    package2190 (1.0.0)
    package2191 (1.0.0)
    package2192 (1.0.0)
    package2193 (1.0.0)
    package2194 (1.0.0)
    package2195 (1.0.0)
    package2196 (1.0.0)
    package2197 (1.0.0)
    package2198 (1.0.0)
    package2199 (1.0.0)
    package2200 (1.0.0)
    package2201 (1.0.0)
    package2202 (1.0.0)
    package2203 (1.0.0)
    package2204 (1.0.0)
    package2205 (1.0.0)
    package2206 (1.0.0)
    package2207 (1.0.0)
    package2208 (1.0.0)
    package2209 (1.0.0)
    package2210 (1.0.0)
    package2211 (1.0.0)
    package2212 (1.0.0)
    package2213 (1.0.0)
    package2214 (1.0.0)
    package2215 (1.0.0)
    package2216 (1.0.0)
    package2217 (1.0.0)
    package2218 (1.0.0)
    package2219 (1.0.0)
    package2220 (1.0.0)
    package2221 (1.0.0)
    package2222 (1.0.0)
    package2223 (1.0.0)
    package2224 (1.0.0)
    package2225 (1.0.0)
    package2226 (1.0.0)
    package2227 (1.0.0)
    package2228 (1.0.0)
    package2229 (1.0.0)
    package2230 (1.0.0)
    package2231 (1.0.0)
    package2232 (1.0.0)
    package2233 (1.0.0)
    package2234 (1.0.0)
    package2235 (1.0.0)
    package2236 (1.0.0)
    package2237 (1.0.0)
    package2238 (1.0.0)
    package2239 (1.0.0)
    package2240 (1.0.0)
    package2241 (1.0.0)
    package2242 (1.0.0)
    package2243 (1.0.0)
    package2244 (1.0.0)
    package2245 (1.0.0)
    package2246 (1.0.0)
    package2247 (1.0.0)
    package2248 (1.0.0)
    package2249 (1.0.0)
    package2250 (1.0.0)
    package2251 (1.0.0)
    package2252 (1.0.0)
    package2253 (1.0.0)
    package2254 (1.0.0)
    package2255 (1.0.0)
    package2256 (1.0.0)
    package2257 (1.0.0)
    package2258 (1.0.0)
    package2259 (1.0.0)
    package2260 (1.0.0)
    package2261 (1.0.0)
    package2262 (1.0.0)
    package2263 (1.0.0)
    package2264 (1.0.0)
    package2265 (1.0.0)
    package2266 (1.0.0)
    package2267 (1.0.0)
    package2268 (1.0.0)
    package2269 (1.0.0)
    package2270 (1.0.0)
    package2271 (1.0.0)
    package2272 (1.0.0)
    package2273 (1.0.0)
    package2274 (1.0.0)
    package2275 (1.0.0)
    package2276 (1.0.0)
    package2277 (1.0.0)
    package2278 (1.0.0)
    package2279 (1.0.0)
    package2280 (1.0.0)
    package2281 (1.0.0)
    package2282 (1.0.0)
    package2283 (1.0.0)
    package2284 (1.0.0)
    package2285 (1.0.0)
    package2286 (1.0.0)
    package2287 (1.0.0)
    package2288 (1.0.0)
    package2289 (1.0.0)
    package2290 (1.0.0)
    package2291 (1.0.0)
    package2292 (1.0.0)
    package2293 (1.0.0)
    package2294 (1.0.0)
    package2295 (1.0.0)
    package2296 (1.0.0)
    package2297 (1.0.0)
    package2298 (1.0.0)
    package2299 (1.0.0)
    package2300 (1.0.0)
    package2301 (1.0.0)
    package2302 (1.0.0)
    package2303 (1.0.0)
    package2304 (1.0.0)
    package2305 (1.0.0)
    package2306 (1.0.0)
    package2307 (1.0.0)
    package2308 (1.0.0)
    package2309 (1.0.0)
    package2310 (1.0.0)
    package2311 (1.0.0)
    package2312 (1.0.0)
    package2313 (1.0.0)
    package2314 (1.0.0)
    package2315 (1.0.0)
    package2316 (1.0.0)
    package2317 (1.0.0)
    package2318 (1.0.0)
    package2319 (1.0.0)
    package2320 (1.0.0)
    package2321 (1.0.0)
    package2322 (1.0.0)
    package2323 (1.0.0)
    package2324 (1.0.0)
    package2325 (1.0.0)
    package2326 (1.0.0)
    package2327 (1.0.0)
    package2328 (1.0.0)
    package2329 (1.0.0)
    package2330 (1.0.0)
    package2331 (1.0.0)
    package2332 (1.0.0)
    package2333 (1.0.0)
    package2334 (1.0.0)
    package2335 (1.0.0)
    package2336 (1.0.0)
    package2337 (1.0.0)
    package2338 (1.0.0)
    package2339 (1.0.0)
    package2340 (1.0.0)
    package2341 (1.0.0)
    package2342 (1.0.0)
    package2343 (1.0.0)
    package2344 (1.0.0)
    package2345 (1.0.0)
    package2346 (1.0.0)
    package2347 (1.0.0)
    package2348 (1.0.0)
    package2349 (1.0.0)
    package2350 (1.0.0)
    package2351 (1.0.0)
    package2352 (1.0.0)
    package2353 (1.0.0)
    package2354 (1.0.0)
    package2355 (1.0.0)
    package2356 (1.0.0)
    package2357 (1.0.0)
    package2358 (1.0.0)
    package2359 (1.0.0)
    package2360 (1.0.0)
    package2361 (1.0.0)
    package2362 (1.0.0)
    package2363 (1.0.0)
    package2364 (1.0.0)
    package2365 (1.0.0)
    package2366 (1.0.0)
    package2367 (1.0.0)
    package2368 (1.0.0)
    package2369 (1.0.0)
    package2370 (1.0.0)
    package2371 (1.0.0)
    package2372 (1.0.0)
    package2373 (1.0.0)
    package2374 (1.0.0)
    package2375 (1.0.0)
    package2376 (1.0.0)
    package2377 (1.0.0)
    package2378 (1.0.0)
    package2379 (1.0.0)
    package2380 (1.0.0)
    package2381 (1.0.0)
    package2382 (1.0.0)
    package2383 (1.0.0)
    package2384 (1.0.0)
    package2385 (1.0.0)
    package2386 (1.0.0)
    package2387 (1.0.0)
    package2388 (1.0.0)
    package2389 (1.0.0)
    package2390 (1.0.0)
    package2391 (1.0.0)
    package2392 (1.0.0)
    package2393 (1.0.0)
    package2394 (1.0.0)
    package2395 (1.0.0)
    package2396 (1.0.0)
    package2397 (1.0.0)
    package2398 (1.0.0)
    package2399 (1.0.0)
    package2400 (1.0.0)
    package2401 (1.0.0)
    package2402 (1.0.0)
    package2403 (1.0.0)
    package2404 (1.0.0)
    package2405 (1.0.0)
    package2406 (1.0.0)
    package2407 (1.0.0)
    package2408 (1.0.0)
    package2409 (1.0.0)
    package2410 (1.0.0)
    package2411 (1.0.0)
    package2412 (1.0.0)
    package2413 (1.0.0)
    package2414 (1.0.0)
    package2415 (1.0.0)
    package2416 (1.0.0)
    package2417 (1.0.0)
    package2418 (1.0.0)
    package2419 (1.0.0)
    package2420 (1.0.0)
    package2421 (1.0.0)
    package2422 (1.0.0)
    package2423 (1.0.0)
    package2424 (1.0.0)
    package2425 (1.0.0)
    package2426 (1.0.0)
    package2427 (1.0.0)
    package2428 (1.0.0)
    package2429 (1.0.0)
    package2430 (1.0.0)
    package2431 (1.0.0)
    package2432 (1.0.0)
    package2433 (1.0.0)
    package2434 (1.0.0)
    package2435 (1.0.0)
    package2436 (1.0.0)
    package2437 (1.0.0)
    package2438 (1.0.0)
    package2439 (1.0.0)
    package2440 (1.0.0)
    package2441 (1.0.0)
    package2442 (1.0.0)
    package2443 (1.0.0)
    package2444 (1.0.0)
    package2445 (1.0.0)
    package2446 (1.0.0)
    package2447 (1.0.0)
    package2448 (1.0.0)
    package2449 (1.0.0)
    package2450 (1.0.0)
    package2451 (1.0.0)
    package2452 (1.0.0)
    package2453 (1.0.0)
    package2454 (1.0.0)
    package2455 (1.0.0)
    package2456 (1.0.0)
    package2457 (1.0.0)
    package2458 (1.0.0)
    package2459 (1.0.0)
    package2460 (1.0.0)
    package2461 (1.0.0)
    package2462 (1.0.0)
    package2463 (1.0.0)
    package2464 (1.0.0)
    package2465 (1.0.0)
    package2466 (1.0.0)
    package2467 (1.0.0)
    package2468 (1.0.0)
    package2469 (1.0.0)
    package2470 (1.0.0)
    package2471 (1.0.0)
    package2472 (1.0.0)
    package2473 (1.0.0)
    package2474 (1.0.0)
    package2475 (1.0.0)
    package2476 (1.0.0)
    package2477 (1.0.0)
    package2478 (1.0.0)
    package2479 (1.0.0)
    package2480 (1.0.0)
    package2481 (1.0.0)
    package2482 (1.0.0)
    package2483 (1.0.0)
    package2484 (1.0.0)
    package2485 (1.0.0)
    package2486 (1.0.0)
    package2487 (1.0.0)
    package2488 (1.0.0)
    package2489 (1.0.0)
    package2490 (1.0.0)
    package2491 (1.0.0)
    package2492 (1.0.0)
    package2493 (1.0.0)
    package2494 (1.0.0)
    package2495 (1.0.0)
    package2496 (1.0.0)
    package2497 (1.0.0)
    package2498 (1.0.0)
    package2499 (1.0.0)
    package2500 (1.0.0)
    package2501 (1.0.0)
    package2502 (1.0.0)
    package2503 (1.0.0)
    package2504 (1.0.0)
    package2505 (1.0.0)
    package2506 (1.0.0)
    package2507 (1.0.0)
    package2508 (1.0.0)
    package2509 (1.0.0)
    package2510 (1.0.0)
    package2511 (1.0.0)
    package2512 (1.0.0)
    package2513 (1.0.0)
    package2514 (1.0.0)
    package2515 (1.0.0)
    package2516 (1.0.0)
    package2517 (1.0.0)
    package2518 (1.0.0)
    package2519 (1.0.0)
    package2520 (1.0.0)
    package2521 (1.0.0)
    package2522 (1.0.0)
    package2523 (1.0.0)
    package2524 (1.0.0)
    package2525 (1.0.0)
    package2526 (1.0.0)
    package2527 (1.0.0)
    package2528 (1.0.0)
    package2529 (1.0.0)
    package2530 (1.0.0)
    package2531 (1.0.0)
    package2532 (1.0.0)
    package2533 (1.0.0)
    package2534 (1.0.0)
    package2535 (1.0.0)
    package2536 (1.0.0)
    package2537 (1.0.0)
    package2538 (1.0.0)
    package2539 (1.0.0)
    package2540 (1.0.0)
    package2541 (1.0.0)
    package2542 (1.0.0)
    package2543 (1.0.0)
    package2544 (1.0.0)
    package2545 (1.0.0)
    package2546 (1.0.0)
    package2547 (1.0.0)
    package2548 (1.0.0)
    package2549 (1.0.0)
    package2550 (1.0.0)
    package2551 (1.0.0)
    package2552 (1.0.0)
    package2553 (1.0.0)
    package2554 (1.0.0)
    package2555 (1.0.0)
    package2556 (1.0.0)
    package2557 (1.0.0)
    package2558 (1.0.0)
    package2559 (1.0.0)
    package2560 (1.0.0)
    package2561 (1.0.0)
    package2562 (1.0.0)
    package2563 (1.0.0)
    package2564 (1.0.0)
    package2565 (1.0.0)
    package2566 (1.0.0)
    package2567 (1.0.0)
    package2568 (1.0.0)
    package2569 (1.0.0)
    package2570 (1.0.0)
    package2571 (1.0.0)
    package2572 (1.0.0)
    package2573 (1.0.0)
    package2574 (1.0.0)
    package2575 (1.0.0)
    package2576 (1.0.0)
    package2577 (1.0.0)
    package2578 (1.0.0)
    package2579 (1.0.0)
    package2580 (1.0.0)
    package2581 (1.0.0)
    package2582 (1.0.0)
    package2583 (1.0.0)
    package2584 (1.0.0)
    package2585 (1.0.0)
    package2586 (1.0.0)
    package2587 (1.0.0)
    package2588 (1.0.0)
    package2589 (1.0.0)
    package2590 (1.0.0)
    package2591 (1.0.0)
    package2592 (1.0.0)
    package2593 (1.0.0)
    package2594 (1.0.0)
    package2595 (1.0.0)
    package2596 (1.0.0)
    package2597 (1.0.0)
    package2598 (1.0.0)
    package2599 (1.0.0)
    package2600 (1.0.0)
    package2601 (1.0.0)
    package2602 (1.0.0)
    package2603 (1.0.0)
    package2604 (1.0.0)
    package2605 (1.0.0)
    package2606 (1.0.0)
    package2607 (1.0.0)
    package2608 (1.0.0)
    package2609 (1.0.0)
    package2610 (1.0.0)
    package2611 (1.0.0)
    package2612 (1.0.0)
    package2613 (1.0.0)
    package2614 (1.0.0)
    package2615 (1.0.0)
    package2616 (1.0.0)
    package2617 (1.0.0)
    package2618 (1.0.0)
    package2619 (1.0.0)
    package2620 (1.0.0)
    package2621 (1.0.0)
    package2622 (1.0.0)
    package2623 (1.0.0)
    package2624 (1.0.0)
    package2625 (1.0.0)
    package2626 (1.0.0)
    package2627 (1.0.0)
    package2628 (1.0.0)
    package2629 (1.0.0)
    package2630 (1.0.0)
    package2631 (1.0.0)
    package2632 (1.0.0)
    package2633 (1.0.0)
    package2634 (1.0.0)
    package2635 (1.0.0)
    package2636 (1.0.0)
    package2637 (1.0.0)
    package2638 (1.0.0)
    package2639 (1.0.0)
    package2640 (1.0.0)
    package2641 (1.0.0)
    package2642 (1.0.0)
    package2643 (1.0.0)
    package2644 (1.0.0)
    package2645 (1.0.0)
    package2646 (1.0.0)
    package2647 (1.0.0)
    package2648 (1.0.0)
    package2649 (1.0.0)
    package2650 (1.0.0)
    package2651 (1.0.0)
    package2652 (1.0.0)
    package2653 (1.0.0)
    package2654 (1.0.0)
    package2655 (1.0.0)
    package2656 (1.0.0)
    package2657 (1.0.0)
    package2658 (1.0.0)
    package2659 (1.0.0)
    package2660 (1.0.0)
    package2661 (1.0.0)
    package2662 (1.0.0)
    package2663 (1.0.0)
    package2664 (1.0.0)
    package2665 (1.0.0)
    package2666 (1.0.0)
    package2667 (1.0.0)
    package2668 (1.0.0)
    package2669 (1.0.0)
    package2670 (1.0.0)
    package2671 (1.0.0)
    package2672 (1.0.0)
    package2673 (1.0.0)
    package2674 (1.0.0)
    package2675 (1.0.0)
    package2676 (1.0.0)
    package2677 (1.0.0)
    package2678 (1.0.0)
    package2679 (1.0.0)
    package2680 (1.0.0)
    package2681 (1.0.0)
    package2682 (1.0.0)
    package2683 (1.0.0)
    package2684 (1.0.0)
    package2685 (1.0.0)
    package2686 (1.0.0)
    package2687 (1.0.0)
    package2688 (1.0.0)
    package2689 (1.0.0)
    package2690 (1.0.0)
    package2691 (1.0.0)
    package2692 (1.0.0)
    package2693 (1.0.0)
    package2694 (1.0.0)
    package2695 (1.0.0)
    package2696 (1.0.0)
    package2697 (1.0.0)
    package2698 (1.0.0)
    package2699 (1.0.0)
    package2700 (1.0.0)
    package2701 (1.0.0)
    package2702 (1.0.0)
    package2703 (1.0.0)
    package2704 (1.0.0)
    package2705 (1.0.0)
    package2706 (1.0.0)
    package2707 (1.0.0)
    package2708 (1.0.0)
    package2709 (1.0.0)
    package2710 (1.0.0)
    package2711 (1.0.0)
    package2712 (1.0.0)
    package2713 (1.0.0)
    package2714 (1.0.0)
    package2715 (1.0.0)
    package2716 (1.0.0)
    package2717 (1.0.0)
    package2718 (1.0.0)
    package2719 (1.0.0)
    package2720 (1.0.0)
    package2721 (1.0.0)
    package2722 (1.0.0)
    package2723 (1.0.0)
    package2724 (1.0.0)
    package2725 (1.0.0)
    package2726 (1.0.0)
    package2727 (1.0.0)
    package2728 (1.0.0)
    package2729 (1.0.0)
    package2730 (1.0.0)
    package2731 (1.0.0)
    package2732 (1.0.0)
    package2733 (1.0.0)
    package2734 (1.0.0)
    package2735 (1.0.0)
    package2736 (1.0.0)
    package2737 (1.0.0)
    package2738 (1.0.0)
    package2739 (1.0.0)
    package2740 (1.0.0)
    package2741 (1.0.0)
    package2742 (1.0.0)
    package2743 (1.0.0)
    package2744 (1.0.0)
    package2745 (1.0.0)
    package2746 (1.0.0)
    package2747 (1.0.0)
    package2748 (1.0.0)
    package2749 (1.0.0)
    package2750 (1.0.0)
    package2751 (1.0.0)
    package2752 (1.0.0)
    package2753 (1.0.0)
    package2754 (1.0.0)
    package2755 (1.0.0)
    package2756 (1.0.0)
    package2757 (1.0.0)
    package2758 (1.0.0)
    package2759 (1.0.0)
    package2760 (1.0.0)
    package2761 (1.0.0)
    package2762 (1.0.0)
    package2763 (1.0.0)
    package2764 (1.0.0)
    package2765 (1.0.0)
    package2766 (1.0.0)
    package2767 (1.0.0)
    package2768 (1.0.0)
    package2769 (1.0.0)
    package2770 (1.0.0)
    package2771 (1.0.0)
    package2772 (1.0.0)
    package2773 (1.0.0)
    package2774 (1.0.0)
    package2775 (1.0.0)
    package2776 (1.0.0)
    package2777 (1.0.0)
    package2778 (1.0.0)
    package2779 (1.0.0)
    package2780 (1.0.0)
    package2781 (1.0.0)
    package2782 (1.0.0)
    package2783 (1.0.0)
    package2784 (1.0.0)
    package2785 (1.0.0)
    package2786 (1.0.0)
    package2787 (1.0.0)
    package2788 (1.0.0)
    package2789 (1.0.0)
    package2790 (1.0.0)
    package2791 (1.0.0)
    package2792 (1.0.0)
    package2793 (1.0.0)
    package2794 (1.0.0)
    package2795 (1.0.0)
    package2796 (1.0.0)
    package2797 (1.0.0)
    package2798 (1.0.0)
    package2799 (1.0.0)
    package2800 (1.0.0)
    package2801 (1.0.0)
    package2802 (1.0.0)
    package2803 (1.0.0)
    package2804 (1.0.0)
    package2805 (1.0.0)
    package2806 (1.0.0)
    package2807 (1.0.0)
    package2808 (1.0.0)
    package2809 (1.0.0)
    package2810 (1.0.0)
    package2811 (1.0.0)
    package2812 (1.0.0)
    package2813 (1.0.0)
    package2814 (1.0.0)
    package2815 (1.0.0)
    package2816 (1.0.0)
    package2817 (1.0.0)
    package2818 (1.0.0)
    package2819 (1.0.0)
    package2820 (1.0.0)
    package2821 (1.0.0)
    package2822 (1.0.0)
    package2823 (1.0.0)
    package2824 (1.0.0)
    package2825 (1.0.0)
    package2826 (1.0.0)
    package2827 (1.0.0)
    package2828 (1.0.0)
    package2829 (1.0.0)
    package2830 (1.0.0)
    package2831 (1.0.0)
    package2832 (1.0.0)
    package2833 (1.0.0)
    package2834 (1.0.0)
    package2835 (1.0.0)
    package2836 (1.0.0)
    package2837 (1.0.0)
    package2838 (1.0.0)
    package2839 (1.0.0)
    package2840 (1.0.0)
    package2841 (1.0.0)
    package2842 (1.0.0)
    package2843 (1.0.0)
    package2844 (1.0.0)
    package2845 (1.0.0)
    package2846 (1.0.0)
    package2847 (1.0.0)
    package2848 (1.0.0)
    package2849 (1.0.0)
    package2850 (1.0.0)
    package2851 (1.0.0)
    package2852 (1.0.0)
    package2853 (1.0.0)
    package2854 (1.0.0)
    package2855 (1.0.0)
    package2856 (1.0.0)
    package2857 (1.0.0)
    package2858 (1.0.0)
    package2859 (1.0.0)
    package2860 (1.0.0)
    package2861 (1.0.0)
    package2862 (1.0.0)
    package2863 (1.0.0)
    package2864 (1.0.0)
    package2865 (1.0.0)
    package2866 (1.0.0)
    package2867 (1.0.0)
    package2868 (1.0.0)
    package2869 (1.0.0)
    package2870 (1.0.0)
    package2871 (1.0.0)
    package2872 (1.0.0)
    package2873 (1.0.0)
    package2874 (1.0.0)
    package2875 (1.0.0)
    package2876 (1.0.0)
    package2877 (1.0.0)
    package2878 (1.0.0)
    package2879 (1.0.0)
    package2880 (1.0.0)
    package2881 (1.0.0)
    package2882 (1.0.0)
    package2883 (1.0.0)
    package2884 (1.0.0)
    package2885 (1.0.0)
    package2886 (1.0.0)
    package2887 (1.0.0)
    package2888 (1.0.0)
    package2889 (1.0.0)
    package2890 (1.0.0)
    package2891 (1.0.0)
    package2892 (1.0.0)
    package2893 (1.0.0)
    package2894 (1.0.0)
    package2895 (1.0.0)
    package2896 (1.0.0)
    package2897 (1.0.0)
    package2898 (1.0.0)
    package2899 (1.0.0)
    package2900 (1.0.0)
    package2901 (1.0.0)
    package2902 (1.0.0)
    package2903 (1.0.0)
    package2904 (1.0.0)
    package2905 (1.0.0)
    package2906 (1.0.0)
    package2907 (1.0.0)
    package2908 (1.0.0)
    package2909 (1.0.0)
    package2910 (1.0.0)
    package2911 (1.0.0)
    package2912 (1.0.0)
    package2913 (1.0.0)
    package2914 (1.0.0)
    package2915 (1.0.0)
    package2916 (1.0.0)
    package2917 (1.0.0)
    package2918 (1.0.0)
    package2919 (1.0.0)
    package2920 (1.0.0)
    package2921 (1.0.0)
    package2922 (1.0.0)
    package2923 (1.0.0)
    package2924 (1.0.0)
    package2925 (1.0.0)
    package2926 (1.0.0)
    package2927 (1.0.0)
    package2928 (1.0.0)
    package2929 (1.0.0)
    package2930 (1.0.0)
    package2931 (1.0.0)
    package2932 (1.0.0)
    package2933 (1.0.0)
    package2934 (1.0.0)
    package2935 (1.0.0)
    package2936 (1.0.0)
    package2937 (1.0.0)
    package2938 (1.0.0)
    package2939 (1.0.0)
    package2940 (1.0.0)
    package2941 (1.0.0)
    package2942 (1.0.0)
    package2943 (1.0.0)
    package2944 (1.0.0)
    package2945 (1.0.0)
    package2946 (1.0.0)
    package2947 (1.0.0)
    package2948 (1.0.0)
    package2949 (1.0.0)
    package2950 (1.0.0)
    package2951 (1.0.0)
    package2952 (1.0.0)
    package2953 (1.0.0)
    package2954 (1.0.0)
    package2955 (1.0.0)
    package2956 (1.0.0)
    package2957 (1.0.0)
    package2958 (1.0.0)
    package2959 (1.0.0)
    package2960 (1.0.0)
    package2961 (1.0.0)
    package2962 (1.0.0)
    package2963 (1.0.0)
    package2964 (1.0.0)
    package2965 (1.0.0)
    package2966 (1.0.0)
    package2967 (1.0.0)
    package2968 (1.0.0)
    package2969 (1.0.0)
    package2970 (1.0.0)
    package2971 (1.0.0)
    package2972 (1.0.0)
    package2973 (1.0.0)
    package2974 (1.0.0)
    package2975 (1.0.0)
    package2976 (1.0.0)
    package2977 (1.0.0)
    package2978 (1.0.0)
    package2979 (1.0.0)
    package2980 (1.0.0)
    package2981 (1.0.0)
    package2982 (1.0.0)
    package2983 (1.0.0)
    package2984 (1.0.0)
    package2985 (1.0.0)
    package2986 (1.0.0)
    package2987 (1.0.0)
    package2988 (1.0.0)
    package2989 (1.0.0)
    package2990 (1.0.0)
    package2991 (1.0.0)
    package2992 (1.0.0)
    package2993 (1.0.0)
    package2994 (1.0.0)
    package2995 (1.0.0)
    package2996 (1.0.0)
    package2997 (1.0.0)
    package2998 (1.0.0)
    package2999 (1.0.0)
    package3000 (1.0.0)
    package3001 (1.0.0)
    package3002 (1.0.0)
    package3003 (1.0.0)
    package3004 (1.0.0)
    package3005 (1.0.0)
    package3006 (1.0.0)
    package3007 (1.0.0)
    package3008 (1.0.0)
    package3009 (1.0.0)
    package3010 (1.0.0)
    package3011 (1.0.0)
    package3012 (1.0.0)
    package3013 (1.0.0)
    package3014 (1.0.0)
    package3015 (1.0.0)
    package3016 (1.0.0)
    package3017 (1.0.0)
    package3018 (1.0.0)
    package3019 (1.0.0)
    package3020 (1.0.0)
    package3021 (1.0.0)
    package3022 (1.0.0)
    package3023 (1.0.0)
    package3024 (1.0.0)
    package3025 (1.0.0)
    package3026 (1.0.0)
    package3027 (1.0.0)
    package3028 (1.0.0)
    package3029 (1.0.0)
    package3030 (1.0.0)
    package3031 (1.0.0)
    package3032 (1.0.0)
    package3033 (1.0.0)
    package3034 (1.0.0)
    package3035 (1.0.0)
    package3036 (1.0.0)
    package3037 (1.0.0)
    package3038 (1.0.0)
    package3039 (1.0.0)
    package3040 (1.0.0)
    package3041 (1.0.0)
    package3042 (1.0.0)
    package3043 (1.0.0)
    package3044 (1.0.0)
    package3045 (1.0.0)
    package3046 (1.0.0)
    package3047 (1.0.0)
    package3048 (1.0.0)
    package3049 (1.0.0)
    package3050 (1.0.0)
    package3051 (1.0.0)
    package3052 (1.0.0)
    package3053 (1.0.0)
    package3054 (1.0.0)
    package3055 (1.0.0)
    package3056 (1.0.0)
    package3057 (1.0.0)
    package3058 (1.0.0)
    package3059 (1.0.0)
    package3060 (1.0.0)
    package3061 (1.0.0)
    package3062 (1.0.0)
    package3063 (1.0.0)
    package3064 (1.0.0)
    package3065 (1.0.0)
    package3066 (1.0.0)
    package3067 (1.0.0)
    package3068 (1.0.0)
    package3069 (1.0.0)
    package3070 (1.0.0)
    package3071 (1.0.0)
    package3072 (1.0.0)
    package3073 (1.0.0)
    package3074 (1.0.0)
    package3075 (1.0.0)
    package3076 (1.0.0)
    package3077 (1.0.0)
    package3078 (1.0.0)
    package3079 (1.0.0)
    package3080 (1.0.0)
    package3081 (1.0.0)
    package3082 (1.0.0)
    package3083 (1.0.0)
    package3084 (1.0.0)
    package3085 (1.0.0)
    package3086 (1.0.0)
    package3087 (1.0.0)
    package3088 (1.0.0)
    package3089 (1.0.0)
    package3090 (1.0.0)
    package3091 (1.0.0)
    package3092 (1.0.0)
    package3093 (1.0.0)
    package3094 (1.0.0)
    package3095 (1.0.0)
    package3096 (1.0.0)
    package3097 (1.0.0)
    package3098 (1.0.0)
    package3099 (1.0.0)
    package3100 (1.0.0)
    package3101 (1.0.0)
    package3102 (1.0.0)
    package3103 (1.0.0)
    package3104 (1.0.0)
    package3105 (1.0.0)
    package3106 (1.0.0)
    package3107 (1.0.0)
    package3108 (1.0.0)
    package3109 (1.0.0)
    package3110 (1.0.0)
    package3111 (1.0.0)
    package3112 (1.0.0)
    package3113 (1.0.0)
    package3114 (1.0.0)
    package3115 (1.0.0)
    package3116 (1.0.0)
    package3117 (1.0.0)
    package3118 (1.0.0)
    package3119 (1.0.0)
    package3120 (1.0.0)
    package3121 (1.0.0)
    package3122 (1.0.0)
    package3123 (1.0.0)
    package3124 (1.0.0)
    package3125 (1.0.0)
    package3126 (1.0.0)
    package3127 (1.0.0)
    package3128 (1.0.0)
    package3129 (1.0.0)
    package3130 (1.0.0)
    package3131 (1.0.0)
    package3132 (1.0.0)
    package3133 (1.0.0)
    package3134 (1.0.0)
    package3135 (1.0.0)
    package3136 (1.0.0)
    package3137 (1.0.0)
    package3138 (1.0.0)
    package3139 (1.0.0)
    package3140 (1.0.0)
    package3141 (1.0.0)
    package3142 (1.0.0)
    package3143 (1.0.0)
    package3144 (1.0.0)
    package3145 (1.0.0)
    package3146 (1.0.0)
    package3147 (1.0.0)
    package3148 (1.0.0)
    package3149 (1.0.0)
    package3150 (1.0.0)
    package3151 (1.0.0)
    package3152 (1.0.0)
    package3153 (1.0.0)
    package3154 (1.0.0)
    package3155 (1.0.0)
    package3156 (1.0.0)
    package3157 (1.0.0)
    package3158 (1.0.0)
    package3159 (1.0.0)
    package3160 (1.0.0)
    package3161 (1.0.0)
    package3162 (1.0.0)
    package3163 (1.0.0)
    package3164 (1.0.0)
    package3165 (1.0.0)
    package3166 (1.0.0)
    package3167 (1.0.0)
    package3168 (1.0.0)
    package3169 (1.0.0)
    package3170 (1.0.0)
    package3171 (1.0.0)
    package3172 (1.0.0)
    package3173 (1.0.0)
    package3174 (1.0.0)
    package3175 (1.0.0)
    package3176 (1.0.0)
    package3177 (1.0.0)
    package3178 (1.0.0)
    package3179 (1.0.0)
    package3180 (1.0.0)
    package3181 (1.0.0)
    package3182 (1.0.0)
    package3183 (1.0.0)
    package3184 (1.0.0)
    package3185 (1.0.0)
    package3186 (1.0.0)
    package3187 (1.0.0)
    package3188 (1.0.0)
    package3189 (1.0.0)
    package3190 (1.0.0)
    package3191 (1.0.0)
    package3192 (1.0.0)
    package3193 (1.0.0)
    package3194 (1.0.0)
    package3195 (1.0.0)
    package3196 (1.0.0)
    package3197 (1.0.0)
    package3198 (1.0.0)
    package3199 (1.0.0)
    package3200 (1.0.0)
    package3201 (1.0.0)
    package3202 (1.0.0)
    package3203 (1.0.0)
    package3204 (1.0.0)
    package3205 (1.0.0)
    package3206 (1.0.0)
    package3207 (1.0.0)
    package3208 (1.0.0)
    package3209 (1.0.0)
    package3210 (1.0.0)
    package3211 (1.0.0)
    package3212 (1.0.0)
    package3213 (1.0.0)
    package3214 (1.0.0)
    package3215 (1.0.0)
    package3216 (1.0.0)
    package3217 (1.0.0)
    package3218 (1.0.0)
    package3219 (1.0.0)
    package3220 (1.0.0)
    package3221 (1.0.0)
    package3222 (1.0.0)
    package3223 (1.0.0)
    package3224 (1.0.0)
    package3225 (1.0.0)
    package3226 (1.0.0)
    package3227 (1.0.0)
    package3228 (1.0.0)
    package3229 (1.0.0)
    package3230 (1.0.0)
    package3231 (1.0.0)
    package3232 (1.0.0)
    package3233 (1.0.0)
    package3234 (1.0.0)
    package3235 (1.0.0)
    package3236 (1.0.0)
    package3237 (1.0.0)
    package3238 (1.0.0)
    package3239 (1.0.0)
    package3240 (1.0.0)
    package3241 (1.0.0)
    package3242 (1.0.0)
    package3243 (1.0.0)
    package3244 (1.0.0)
    package3245 (1.0.0)
    package3246 (1.0.0)
    package3247 (1.0.0)
    package3248 (1.0.0)
    package3249 (1.0.0)
    package3250 (1.0.0)
    package3251 (1.0.0)
    package3252 (1.0.0)
    package3253 (1.0.0)
    package3254 (1.0.0)
    package3255 (1.0.0)
    package3256 (1.0.0)
    package3257 (1.0.0)
    package3258 (1.0.0)
    package3259 (1.0.0)
    package3260 (1.0.0)
    package3261 (1.0.0)
    package3262 (1.0.0)
    package3263 (1.0.0)
    package3264 (1.0.0)
    package3265 (1.0.0)
    package3266 (1.0.0)
    package3267 (1.0.0)
    package3268 (1.0.0)
    package3269 (1.0.0)
    package3270 (1.0.0)
    package3271 (1.0.0)
    package3272 (1.0.0)
    package3273 (1.0.0)
    package3274 (1.0.0)
    package3275 (1.0.0)
    package3276 (1.0.0)
    package3277 (1.0.0)
    package3278 (1.0.0)
    package3279 (1.0.0)
    package3280 (1.0.0)
    package3281 (1.0.0)
    package3282 (1.0.0)
    package3283 (1.0.0)
    package3284 (1.0.0)
    package3285 (1.0.0)
    package3286 (1.0.0)
    package3287 (1.0.0)
    package3288 (1.0.0)
    package3289 (1.0.0)
    package3290 (1.0.0)
    package3291 (1.0.0)
    package3292 (1.0.0)
    package3293 (1.0.0)
    package3294 (1.0.0)
    package3295 (1.0.0)
    package3296 (1.0.0)
    package3297 (1.0.0)
    package3298 (1.0.0)
    package3299 (1.0.0)
    package3300 (1.0.0)
    package3301 (1.0.0)
    package3302 (1.0.0)
    package3303 (1.0.0)
    package3304 (1.0.0)
    package3305 (1.0.0)
    package3306 (1.0.0)
    package3307 (1.0.0)
    package3308 (1.0.0)
    package3309 (1.0.0)
    package3310 (1.0.0)
    package3311 (1.0.0)
    package3312 (1.0.0)
    package3313 (1.0.0)
    package3314 (1.0.0)
    package3315 (1.0.0)
    package3316 (1.0.0)
    package3317 (1.0.0)
    package3318 (1.0.0)
    package3319 (1.0.0)
    package3320 (1.0.0)
    package3321 (1.0.0)
    package3322 (1.0.0)
    package3323 (1.0.0)
    package3324 (1.0.0)
    package3325 (1.0.0)
    package3326 (1.0.0)
    package3327 (1.0.0)
    package3328 (1.0.0)
    package3329 (1.0.0)
    package3330 (1.0.0)
    package3331 (1.0.0)
    package3332 (1.0.0)
    package3333 (1.0.0)
    package3334 (1.0.0)
    package3335 (1.0.0)
    package3336 (1.0.0)
    package3337 (1.0.0)
    package3338 (1.0.0)
    package3339 (1.0.0)
    package3340 (1.0.0)
    package3341 (1.0.0)
    package3342 (1.0.0)
    package3343 (1.0.0)
    package3344 (1.0.0)
    package3345 (1.0.0)
    package3346 (1.0.0)
    package3347 (1.0.0)
    package3348 (1.0.0)
    package3349 (1.0.0)
    package3350 (1.0.0)
    package3351 (1.0.0)
    package3352 (1.0.0)
    package3353 (1.0.0)
    package3354 (1.0.0)
    package3355 (1.0.0)
    package3356 (1.0.0)
    package3357 (1.0.0)
    package3358 (1.0.0)
    package3359 (1.0.0)
    package3360 (1.0.0)
    package3361 (1.0.0)
    package3362 (1.0.0)
    package3363 (1.0.0)
    package3364 (1.0.0)
    package3365 (1.0.0)
    package3366 (1.0.0)
    package3367 (1.0.0)
    package3368 (1.0.0)
    package3369 (1.0.0)
    package3370 (1.0.0)
    package3371 (1.0.0)
    package3372 (1.0.0)
    package3373 (1.0.0)
    package3374 (1.0.0)
    package3375 (1.0.0)
    package3376 (1.0.0)
    package3377 (1.0.0)
    package3378 (1.0.0)
    package3379 (1.0.0)
    package3380 (1.0.0)
    package3381 (1.0.0)
    package3382 (1.0.0)
    package3383 (1.0.0)
    package3384 (1.0.0)
    package3385 (1.0.0)
    package3386 (1.0.0)
    package3387 (1.0.0)
    package3388 (1.0.0)
    package3389 (1.0.0)
    package3390 (1.0.0)
    package3391 (1.0.0)
    package3392 (1.0.0)
    package3393 (1.0.0)
    package3394 (1.0.0)
    package3395 (1.0.0)
    package3396 (1.0.0)
    package3397 (1.0.0)
    package3398 (1.0.0)
    package3399 (1.0.0)
    package3400 (1.0.0)
    package3401 (1.0.0)
    package3402 (1.0.0)
    package3403 (1.0.0)
    package3404 (1.0.0)
    package3405 (1.0.0)
    package3406 (1.0.0)
    package3407 (1.0.0)
    package3408 (1.0.0)
    package3409 (1.0.0)
    package3410 (1.0.0)
    package3411 (1.0.0)
    package3412 (1.0.0)
    package3413 (1.0.0)
    package3414 (1.0.0)
    package3415 (1.0.0)
    package3416 (1.0.0)
    package3417 (1.0.0)
    package3418 (1.0.0)
    package3419 (1.0.0)
    package3420 (1.0.0)
    package3421 (1.0.0)
    package3422 (1.0.0)
    package3423 (1.0.0)
    package3424 (1.0.0)
    package3425 (1.0.0)
    package3426 (1.0.0)
    package3427 (1.0.0)
    package3428 (1.0.0)
    package3429 (1.0.0)
    package3430 (1.0.0)
    package3431 (1.0.0)
    package3432 (1.0.0)
    package3433 (1.0.0)
    package3434 (1.0.0)
    package3435 (1.0.0)
    package3436 (1.0.0)
    package3437 (1.0.0)
    package3438 (1.0.0)
    package3439 (1.0.0)
    package3440 (1.0.0)
    package3441 (1.0.0)
    package3442 (1.0.0)
    package3443 (1.0.0)
    package3444 (1.0.0)
    package3445 (1.0.0)
    package3446 (1.0.0)
    package3447 (1.0.0)
    package3448 (1.0.0)
    package3449 (1.0.0)
    package3450 (1.0.0)
    package3451 (1.0.0)
    package3452 (1.0.0)
    package3453 (1.0.0)
    package3454 (1.0.0)
    package3455 (1.0.0)
    package3456 (1.0.0)
    package3457 (1.0.0)
    package3458 (1.0.0)
    package3459 (1.0.0)
    package3460 (1.0.0)
    package3461 (1.0.0)
    package3462 (1.0.0)
    package3463 (1.0.0)
    package3464 (1.0.0)
    package3465 (1.0.0)
    package3466 (1.0.0)
    package3467 (1.0.0)
    package3468 (1.0.0)
    package3469 (1.0.0)
    package3470 (1.0.0)
    package3471 (1.0.0)
    package3472 (1.0.0)
    package3473 (1.0.0)
    package3474 (1.0.0)
    package3475 (1.0.0)
    package3476 (1.0.0)
    package3477 (1.0.0)
    package3478 (1.0.0)
    package3479 (1.0.0)
    package3480 (1.0.0)
    package3481 (1.0.0)
    package3482 (1.0.0)
    package3483 (1.0.0)
    package3484 (1.0.0)
    package3485 (1.0.0)
    package3486 (1.0.0)
    package3487 (1.0.0)
    package3488 (1.0.0)
    package3489 (1.0.0)
    package3490 (1.0.0)
    package3491 (1.0.0)
    package3492 (1.0.0)
    package3493 (1.0.0)
    package3494 (1.0.0)
    package3495 (1.0.0)
    package3496 (1.0.0)
    package3497 (1.0.0)
    package3498 (1.0.0)
    package3499 (1.0.0)
    package3500 (1.0.0)
    package3501 (1.0.0)
    package3502 (1.0.0)
    package3503 (1.0.0)
    package3504 (1.0.0)
    package3505 (1.0.0)
    package3506 (1.0.0)
    package3507 (1.0.0)
    package3508 (1.0.0)
    package3509 (1.0.0)
    package3510 (1.0.0)
    package3511 (1.0.0)
    package3512 (1.0.0)
    package3513 (1.0.0)
    package3514 (1.0.0)
    package3515 (1.0.0)
    package3516 (1.0.0)
    package3517 (1.0.0)
    package3518 (1.0.0)
    package3519 (1.0.0)
    package3520 (1.0.0)
    package3521 (1.0.0)
    package3522 (1.0.0)
    package3523 (1.0.0)
    package3524 (1.0.0)
    package3525 (1.0.0)
    package3526 (1.0.0)
    package3527 (1.0.0)
    package3528 (1.0.0)
    package3529 (1.0.0)
    package3530 (1.0.0)
    package3531 (1.0.0)
    package3532 (1.0.0)
    package3533 (1.0.0)
    package3534 (1.0.0)
    package3535 (1.0.0)
    package3536 (1.0.0)
    package3537 (1.0.0)
    package3538 (1.0.0)
    package3539 (1.0.0)
    package3540 (1.0.0)
    package3541 (1.0.0)
    package3542 (1.0.0)
    package3543 (1.0.0)
    package3544 (1.0.0)
    package3545 (1.0.0)
    package3546 (1.0.0)
    package3547 (1.0.0)
    package3548 (1.0.0)
    package3549 (1.0.0)
    package3550 (1.0.0)
    package3551 (1.0.0)
    package3552 (1.0.0)
    package3553 (1.0.0)
    package3554 (1.0.0)
    package3555 (1.0.0)
    package3556 (1.0.0)
    package3557 (1.0.0)
    package3558 (1.0.0)
    package3559 (1.0.0)
    package3560 (1.0.0)
    package3561 (1.0.0)
    package3562 (1.0.0)
    package3563 (1.0.0)
    package3564 (1.0.0)
    package3565 (1.0.0)
    package3566 (1.0.0)
    package3567 (1.0.0)
    package3568 (1.0.0)
    package3569 (1.0.0)
    package3570 (1.0.0)
    package3571 (1.0.0)
    package3572 (1.0.0)
    package3573 (1.0.0)
    package3574 (1.0.0)
    package3575 (1.0.0)
    package3576 (1.0.0)
    package3577 (1.0.0)
    package3578 (1.0.0)
    package3579 (1.0.0)
    package3580 (1.0.0)
    package3581 (1.0.0)
    package3582 (1.0.0)
    package3583 (1.0.0)
    package3584 (1.0.0)
    package3585 (1.0.0)
    package3586 (1.0.0)
    package3587 (1.0.0)
    package3588 (1.0.0)
    package3589 (1.0.0)
    package3590 (1.0.0)
    package3591 (1.0.0)
    package3592 (1.0.0)
    package3593 (1.0.0)
    package3594 (1.0.0)
    package3595 (1.0.0)
    package3596 (1.0.0)
    package3597 (1.0.0)
    package3598 (1.0.0)
    package3599 (1.0.0)
    package3600 (1.0.0)
    package3601 (1.0.0)
    package3602 (1.0.0)
    package3603 (1.0.0)
    package3604 (1.0.0)
    package3605 (1.0.0)
    package3606 (1.0.0)
    package3607 (1.0.0)
    package3608 (1.0.0)
    package3609 (1.0.0)
    package3610 (1.0.0)
    package3611 (1.0.0)
    package3612 (1.0.0)
    package3613 (1.0.0)
    package3614 (1.0.0)
    package3615 (1.0.0)
    package3616 (1.0.0)
    package3617 (1.0.0)
    package3618 (1.0.0)
    package3619 (1.0.0)
    package3620 (1.0.0)
    package3621 (1.0.0)
    package3622 (1.0.0)
    package3623 (1.0.0)
    package3624 (1.0.0)
    package3625 (1.0.0)
    package3626 (1.0.0)
    package3627 (1.0.0)
    package3628 (1.0.0)
    package3629 (1.0.0)
    package3630 (1.0.0)
    package3631 (1.0.0)
    package3632 (1.0.0)
    package3633 (1.0.0)
    package3634 (1.0.0)
    package3635 (1.0.0)
    package3636 (1.0.0)
    package3637 (1.0.0)
    package3638 (1.0.0)
    package3639 (1.0.0)
    package3640 (1.0.0)
    package3641 (1.0.0)
    package3642 (1.0.0)
    package3643 (1.0.0)
    package3644 (1.0.0)
    package3645 (1.0.0)
    package3646 (1.0.0)
    package3647 (1.0.0)
    package3648 (1.0.0)
    package3649 (1.0.0)
    package3650 (1.0.0)
    package3651 (1.0.0)
    package3652 (1.0.0)
    package3653 (1.0.0)
    package3654 (1.0.0)
    package3655 (1.0.0)
    package3656 (1.0.0)
    package3657 (1.0.0)
    package3658 (1.0.0)
    package3659 (1.0.0)
    package3660 (1.0.0)
    package3661 (1.0.0)
    package3662 (1.0.0)
    package3663 (1.0.0)
    package3664 (1.0.0)
    package3665 (1.0.0)
    package3666 (1.0.0)
    package3667 (1.0.0)
    package3668 (1.0.0)
    package3669 (1.0.0)
    package3670 (1.0.0)
    package3671 (1.0.0)
    package3672 (1.0.0)
    package3673 (1.0.0)
    package3674 (1.0.0)
    package3675 (1.0.0)
    package3676 (1.0.0)
    package3677 (1.0.0)
    package3678 (1.0.0)
    package3679 (1.0.0)
    package3680 (1.0.0)
    package3681 (1.0.0)
    package3682 (1.0.0)
    package3683 (1.0.0)
    package3684 (1.0.0)
    package3685 (1.0.0)
    package3686 (1.0.0)
    package3687 (1.0.0)
    package3688 (1.0.0)
    package3689 (1.0.0)
    package3690 (1.0.0)
    package3691 (1.0.0)
    package3692 (1.0.0)
    package3693 (1.0.0)
    package3694 (1.0.0)
    package3695 (1.0.0)
    package3696 (1.0.0)
    package3697 (1.0.0)
    package3698 (1.0.0)
    package3699 (1.0.0)
    package3700 (1.0.0)
    package3701 (1.0.0)
    package3702 (1.0.0)
    package3703 (1.0.0)
    package3704 (1.0.0)
    package3705 (1.0.0)
    package3706 (1.0.0)
    package3707 (1.0.0)
    package3708 (1.0.0)
    package3709 (1.0.0)
    package3710 (1.0.0)
    package3711 (1.0.0)
    package3712 (1.0.0)
    package3713 (1.0.0)
    package3714 (1.0.0)
    package3715 (1.0.0)
    package3716 (1.0.0)
    package3717 (1.0.0)
    package3718 (1.0.0)
    package3719 (1.0.0)
    package3720 (1.0.0)
    package3721 (1.0.0)
    package3722 (1.0.0)
    package3723 (1.0.0)
    package3724 (1.0.0)
    package3725 (1.0.0)
    package3726 (1.0.0)
    package3727 (1.0.0)
    package3728 (1.0.0)
    package3729 (1.0.0)
    package3730 (1.0.0)
    package3731 (1.0.0)
    package3732 (1.0.0)
    package3733 (1.0.0)
    package3734 (1.0.0)
    package3735 (1.0.0)
    package3736 (1.0.0)
    package3737 (1.0.0)
    package3738 (1.0.0)
    package3739 (1.0.0)
    package3740 (1.0.0)
    package3741 (1.0.0)
    package3742 (1.0.0)
    package3743 (1.0.0)
    package3744 (1.0.0)
    package3745 (1.0.0)
    package3746 (1.0.0)
    package3747 (1.0.0)
    package3748 (1.0.0)
    package3749 (1.0.0)
    package3750 (1.0.0)
    package3751 (1.0.0)
    package3752 (1.0.0)
    package3753 (1.0.0)
    package3754 (1.0.0)
    package3755 (1.0.0)
    package3756 (1.0.0)
    package3757 (1.0.0)
    package3758 (1.0.0)
    package3759 (1.0.0)
    package3760 (1.0.0)
    package3761 (1.0.0)
    package3762 (1.0.0)
    package3763 (1.0.0)
    package3764 (1.0.0)
    package3765 (1.0.0)
    package3766 (1.0.0)
    package3767 (1.0.0)
    package3768 (1.0.0)
    package3769 (1.0.0)
    package3770 (1.0.0)
    package3771 (1.0.0)
    package3772 (1.0.0)
    package3773 (1.0.0)
    package3774 (1.0.0)
    package3775 (1.0.0)
    package3776 (1.0.0)
    package3777 (1.0.0)
    package3778 (1.0.0)
    package3779 (1.0.0)
    package3780 (1.0.0)
    package3781 (1.0.0)
    package3782 (1.0.0)
    package3783 (1.0.0)
    package3784 (1.0.0)
    package3785 (1.0.0)
    package3786 (1.0.0)
    package3787 (1.0.0)
    package3788 (1.0.0)
    package3789 (1.0.0)
    package3790 (1.0.0)
    package3791 (1.0.0)
    package3792 (1.0.0)
    package3793 (1.0.0)
    package3794 (1.0.0)
    package3795 (1.0.0)
    package3796 (1.0.0)
    package3797 (1.0.0)
    package3798 (1.0.0)
    package3799 (1.0.0)
    package3800 (1.0.0)
    package3801 (1.0.0)
    package3802 (1.0.0)
    package3803 (1.0.0)
    package3804 (1.0.0)
    package3805 (1.0.0)
    package3806 (1.0.0)
    package3807 (1.0.0)
    package3808 (1.0.0)
    package3809 (1.0.0)
    package3810 (1.0.0)
    package3811 (1.0.0)
    package3812 (1.0.0)
    package3813 (1.0.0)
    package3814 (1.0.0)
    package3815 (1.0.0)
    package3816 (1.0.0)
    package3817 (1.0.0)
    package3818 (1.0.0)
    package3819 (1.0.0)
    package3820 (1.0.0)
    package3821 (1.0.0)
    package3822 (1.0.0)
    package3823 (1.0.0)
    package3824 (1.0.0)
    package3825 (1.0.0)
    package3826 (1.0.0)
    package3827 (1.0.0)
    package3828 (1.0.0)
    package3829 (1.0.0)
    package3830 (1.0.0)
    package3831 (1.0.0)
    package3832 (1.0.0)
    package3833 (1.0.0)
    package3834 (1.0.0)
    package3835 (1.0.0)
    package3836 (1.0.0)
    package3837 (1.0.0)
    package3838 (1.0.0)
    package3839 (1.0.0)
    package3840 (1.0.0)
    package3841 (1.0.0)
    package3842 (1.0.0)
    package3843 (1.0.0)
    package3844 (1.0.0)
    package3845 (1.0.0)
    package3846 (1.0.0)
    package3847 (1.0.0)
    package3848 (1.0.0)
    package3849 (1.0.0)
    package3850 (1.0.0)
    package3851 (1.0.0)
    package3852 (1.0.0)
    package3853 (1.0.0)
    package3854 (1.0.0)
    package3855 (1.0.0)
    package3856 (1.0.0)
    package3857 (1.0.0)
    package3858 (1.0.0)
    package3859 (1.0.0)
    package3860 (1.0.0)
    package3861 (1.0.0)
    package3862 (1.0.0)
    package3863 (1.0.0)
    package3864 (1.0.0)
    package3865 (1.0.0)
    package3866 (1.0.0)
    package3867 (1.0.0)
    package3868 (1.0.0)
    package3869 (1.0.0)
    package3870 (1.0.0)
    package3871 (1.0.0)
    package3872 (1.0.0)
    package3873 (1.0.0)
    package3874 (1.0.0)
    package3875 (1.0.0)
    package3876 (1.0.0)
    package3877 (1.0.0)
    package3878 (1.0.0)
    package3879 (1.0.0)
    package3880 (1.0.0)
    package3881 (1.0.0)
    package3882 (1.0.0)
    package3883 (1.0.0)
    package3884 (1.0.0)
    package3885 (1.0.0)
    package3886 (1.0.0)
    package3887 (1.0.0)
    package3888 (1.0.0)
    package3889 (1.0.0)
    package3890 (1.0.0)
    package3891 (1.0.0)
    package3892 (1.0.0)
    package3893 (1.0.0)
    package3894 (1.0.0)
    package3895 (1.0.0)
    package3896 (1.0.0)
    package3897 (1.0.0)
    package3898 (1.0.0)
    package3899 (1.0.0)
    package3900 (1.0.0)
    package3901 (1.0.0)
    package3902 (1.0.0)
    package3903 (1.0.0)
    package3904 (1.0.0)
    package3905 (1.0.0)
    package3906 (1.0.0)
    package3907 (1.0.0)
    package3908 (1.0.0)
    package3909 (1.0.0)
    package3910 (1.0.0)
    package3911 (1.0.0)
    package3912 (1.0.0)
    package3913 (1.0.0)
    package3914 (1.0.0)
    package3915 (1.0.0)
    package3916 (1.0.0)
    package3917 (1.0.0)
    package3918 (1.0.0)
    package3919 (1.0.0)
    package3920 (1.0.0)
    package3921 (1.0.0)
    package3922 (1.0.0)
    package3923 (1.0.0)
    package3924 (1.0.0)
    package3925 (1.0.0)
    package3926 (1.0.0)
    package3927 (1.0.0)
    package3928 (1.0.0)
    package3929 (1.0.0)
    package3930 (1.0.0)
    package3931 (1.0.0)
    package3932 (1.0.0)
    package3933 (1.0.0)
    package3934 (1.0.0)
    package3935 (1.0.0)
    package3936 (1.0.0)
    package3937 (1.0.0)
    package3938 (1.0.0)
    package3939 (1.0.0)
    package3940 (1.0.0)
    package3941 (1.0.0)
    package3942 (1.0.0)
    package3943 (1.0.0)
    package3944 (1.0.0)
    package3945 (1.0.0)
    package3946 (1.0.0)
    package3947 (1.0.0)
    package3948 (1.0.0)
    package3949 (1.0.0)
    package3950 (1.0.0)
    package3951 (1.0.0)
    package3952 (1.0.0)
    package3953 (1.0.0)
    package3954 (1.0.0)
    package3955 (1.0.0)
    package3956 (1.0.0)
    package3957 (1.0.0)
    package3958 (1.0.0)
    package3959 (1.0.0)
    package3960 (1.0.0)
    package3961 (1.0.0)
    package3962 (1.0.0)
    package3963 (1.0.0)
    package3964 (1.0.0)
    package3965 (1.0.0)
    package3966 (1.0.0)
    package3967 (1.0.0)
    package3968 (1.0.0)
    package3969 (1.0.0)
    package3970 (1.0.0)
    package3971 (1.0.0)
    package3972 (1.0.0)
    package3973 (1.0.0)
    package3974 (1.0.0)
    package3975 (1.0.0)
    package3976 (1.0.0)
    package3977 (1.0.0)
    package3978 (1.0.0)
    package3979 (1.0.0)
    package3980 (1.0.0)
    package3981 (1.0.0)
    package3982 (1.0.0)
    package3983 (1.0.0)
    package3984 (1.0.0)
    package3985 (1.0.0)
    package3986 (1.0.0)
    package3987 (1.0.0)
    package3988 (1.0.0)
    package3989 (1.0.0)
    package3990 (1.0.0)
    package3991 (1.0.0)
    package3992 (1.0.0)
    package3993 (1.0.0)
    package3994 (1.0.0)
    package3995 (1.0.0)
    package3996 (1.0.0)
    package3997 (1.0.0)
    package3998 (1.0.0)
    package3999 (1.0.0)
    package4000 (1.0.0)
    package4001 (1.0.0)
    package4002 (1.0.0)
    package4003 (1.0.0)
    package4004 (1.0.0)
    package4005 (1.0.0)
    package4006 (1.0.0)
    package4007 (1.0.0)
    package4008 (1.0.0)
    package4009 (1.0.0)
    package4010 (1.0.0)
    package4011 (1.0.0)
    package4012 (1.0.0)
    package4013 (1.0.0)
    package4014 (1.0.0)
    package4015 (1.0.0)
    package4016 (1.0.0)
    package4017 (1.0.0)
    package4018 (1.0.0)
    package4019 (1.0.0)
    package4020 (1.0.0)
    package4021 (1.0.0)
    package4022 (1.0.0)
    package4023 (1.0.0)
    package4024 (1.0.0)
    package4025 (1.0.0)
    package4026 (1.0.0)
    package4027 (1.0.0)
    package4028 (1.0.0)
    package4029 (1.0.0)
    package4030 (1.0.0)
    package4031 (1.0.0)
    package4032 (1.0.0)
    package4033 (1.0.0)
    package4034 (1.0.0)
    package4035 (1.0.0)
    package4036 (1.0.0)
    package4037 (1.0.0)
    package4038 (1.0.0)
    package4039 (1.0.0)
    package4040 (1.0.0)
    package4041 (1.0.0)
    package4042 (1.0.0)
    package4043 (1.0.0)
    package4044 (1.0.0)
    package4045 (1.0.0)
    package4046 (1.0.0)
    package4047 (1.0.0)
    package4048 (1.0.0)
    package4049 (1.0.0)
    package4050 (1.0.0)
    package4051 (1.0.0)
    package4052 (1.0.0)
    package4053 (1.0.0)
    package4054 (1.0.0)
    package4055 (1.0.0)
    package4056 (1.0.0)
    package4057 (1.0.0)
    package4058 (1.0.0)
    package4059 (1.0.0)
    package4060 (1.0.0)
    package4061 (1.0.0)
    package4062 (1.0.0)
    package4063 (1.0.0)
    package4064 (1.0.0)
    package4065 (1.0.0)
    package4066 (1.0.0)
    package4067 (1.0.0)
    package4068 (1.0.0)
    package4069 (1.0.0)
    package4070 (1.0.0)
    package4071 (1.0.0)
    package4072 (1.0.0)
    package4073 (1.0.0)
    package4074 (1.0.0)
    package4075 (1.0.0)
    package4076 (1.0.0)
    package4077 (1.0.0)
    package4078 (1.0.0)
    package4079 (1.0.0)
    package4080 (1.0.0)
    package4081 (1.0.0)
    package4082 (1.0.0)
    package4083 (1.0.0)
    package4084 (1.0.0)
    package4085 (1.0.0)
    package4086 (1.0.0)
    package4087 (1.0.0)
    package4088 (1.0.0)
    package4089 (1.0.0)
    package4090 (1.0.0)
    package4091 (1.0.0)
    package4092 (1.0.0)
    package4093 (1.0.0)
    package4094 (1.0.0)
    package4095 (1.0.0)
    package4096 (1.0.0)
    package4097 (1.0.0)
    package4098 (1.0.0)
    package4099 (1.0.0)
    package4100 (1.0.0)
    package4101 (1.0.0)
    package4102 (1.0.0)
    package4103 (1.0.0)
    package4104 (1.0.0)
    package4105 (1.0.0)
    package4106 (1.0.0)
    package4107 (1.0.0)
    package4108 (1.0.0)
    package4109 (1.0.0)
    package4110 (1.0.0)
    package4111 (1.0.0)
    package4112 (1.0.0)
    package4113 (1.0.0)
    package4114 (1.0.0)
    package4115 (1.0.0)
    package4116 (1.0.0)
    package4117 (1.0.0)
    package4118 (1.0.0)
    package4119 (1.0.0)
    package4120 (1.0.0)
    package4121 (1.0.0)
    package4122 (1.0.0)
    package4123 (1.0.0)
    package4124 (1.0.0)
    package4125 (1.0.0)
    package4126 (1.0.0)
    package4127 (1.0.0)
    package4128 (1.0.0)
    package4129 (1.0.0)
    package4130 (1.0.0)
    package4131 (1.0.0)
    package4132 (1.0.0)
    package4133 (1.0.0)
    package4134 (1.0.0)
    package4135 (1.0.0)
    package4136 (1.0.0)
    package4137 (1.0.0)
    package4138 (1.0.0)
    package4139 (1.0.0)
    package4140 (1.0.0)
    package4141 (1.0.0)
    package4142 (1.0.0)
    package4143 (1.0.0)
    package4144 (1.0.0)
    package4145 (1.0.0)
    package4146 (1.0.0)
    package4147 (1.0.0)
    package4148 (1.0.0)
    package4149 (1.0.0)
    package4150 (1.0.0)
    package4151 (1.0.0)
    package4152 (1.0.0)
    package4153 (1.0.0)
    package4154 (1.0.0)
    package4155 (1.0.0)
    package4156 (1.0.0)
    package4157 (1.0.0)
    package4158 (1.0.0)
    package4159 (1.0.0)
    package4160 (1.0.0)
    package4161 (1.0.0)
    package4162 (1.0.0)
    package4163 (1.0.0)
    package4164 (1.0.0)
    package4165 (1.0.0)
    package4166 (1.0.0)
    package4167 (1.0.0)
    package4168 (1.0.0)
    package4169 (1.0.0)
    package4170 (1.0.0)
    package4171 (1.0.0)
    package4172 (1.0.0)
    package4173 (1.0.0)
    package4174 (1.0.0)
    package4175 (1.0.0)
    package4176 (1.0.0)
    package4177 (1.0.0)
    package4178 (1.0.0)
    package4179 (1.0.0)
    package4180 (1.0.0)
    package4181 (1.0.0)
    package4182 (1.0.0)
    package4183 (1.0.0)
    package4184 (1.0.0)
    package4185 (1.0.0)
    package4186 (1.0.0)
    package4187 (1.0.0)
    package4188 (1.0.0)
    package4189 (1.0.0)
    package4190 (1.0.0)
    package4191 (1.0.0)
    package4192 (1.0.0)
    package4193 (1.0.0)
    package4194 (1.0.0)
    package4195 (1.0.0)
    package4196 (1.0.0)
    package4197 (1.0.0)
    package4198 (1.0.0)
    package4199 (1.0.0)
    package4200 (1.0.0)
    package4201 (1.0.0)
    package4202 (1.0.0)
    package4203 (1.0.0)
    package4204 (1.0.0)
    package4205 (1.0.0)
    package4206 (1.0.0)
    package4207 (1.0.0)
    package4208 (1.0.0)
    package4209 (1.0.0)
    package4210 (1.0.0)
    package4211 (1.0.0)
    package4212 (1.0.0)
    package4213 (1.0.0)
    package4214 (1.0.0)
    package4215 (1.0.0)
    package4216 (1.0.0)
    package4217 (1.0.0)
    package4218 (1.0.0)
    package4219 (1.0.0)
    package4220 (1.0.0)
    package4221 (1.0.0)
    package4222 (1.0.0)
    package4223 (1.0.0)
    package4224 (1.0.0)
    package4225 (1.0.0)
    package4226 (1.0.0)
    package4227 (1.0.0)
    package4228 (1.0.0)
    package4229 (1.0.0)
    package4230 (1.0.0)
    package4231 (1.0.0)
    package4232 (1.0.0)
    package4233 (1.0.0)
    package4234 (1.0.0)
    package4235 (1.0.0)
    package4236 (1.0.0)
    package4237 (1.0.0)
    package4238 (1.0.0)
    package4239 (1.0.0)
    package4240 (1.0.0)
    package4241 (1.0.0)
    package4242 (1.0.0)
    package4243 (1.0.0)
    package4244 (1.0.0)
    package4245 (1.0.0)
    package4246 (1.0.0)
    package4247 (1.0.0)
    package4248 (1.0.0)
    package4249 (1.0.0)
    package4250 (1.0.0)
    package4251 (1.0.0)
    package4252 (1.0.0)
    package4253 (1.0.0)
    package4254 (1.0.0)
    package4255 (1.0.0)
    package4256 (1.0.0)
    package4257 (1.0.0)
    package4258 (1.0.0)
    package4259 (1.0.0)
    package4260 (1.0.0)
    package4261 (1.0.0)
    package4262 (1.0.0)
    package4263 (1.0.0)
    package4264 (1.0.0)
    package4265 (1.0.0)
    package4266 (1.0.0)
    package4267 (1.0.0)
    package4268 (1.0.0)
    package4269 (1.0.0)
    package4270 (1.0.0)
    package4271 (1.0.0)
    package4272 (1.0.0)
    package4273 (1.0.0)
    package4274 (1.0.0)
    package4275 (1.0.0)
    package4276 (1.0.0)
    package4277 (1.0.0)
    package4278 (1.0.0)
    package4279 (1.0.0)
    package4280 (1.0.0)
    package4281 (1.0.0)
    package4282 (1.0.0)
    package4283 (1.0.0)
    package4284 (1.0.0)
    package4285 (1.0.0)
    package4286 (1.0.0)
    package4287 (1.0.0)
    package4288 (1.0.0)
    package4289 (1.0.0)
    package4290 (1.0.0)
    package4291 (1.0.0)
    package4292 (1.0.0)
    package4293 (1.0.0)
    package4294 (1.0.0)
    package4295 (1.0.0)
    package4296 (1.0.0)
    package4297 (1.0.0)
    package4298 (1.0.0)
    package4299 (1.0.0)
    package4300 (1.0.0)
    package4301 (1.0.0)
    package4302 (1.0.0)
    package4303 (1.0.0)
    package4304 (1.0.0)
    package4305 (1.0.0)
    package4306 (1.0.0)
    package4307 (1.0.0)
    package4308 (1.0.0)
    package4309 (1.0.0)
    package4310 (1.0.0)
    package4311 (1.0.0)
    package4312 (1.0.0)
    package4313 (1.0.0)
    package4314 (1.0.0)
    package4315 (1.0.0)
    package4316 (1.0.0)
    package4317 (1.0.0)
    package4318 (1.0.0)
    package4319 (1.0.0)
    package4320 (1.0.0)
    package4321 (1.0.0)
    package4322 (1.0.0)
    package4323 (1.0.0)
    package4324 (1.0.0)
    package4325 (1.0.0)
    package4326 (1.0.0)
    package4327 (1.0.0)
    package4328 (1.0.0)
    package4329 (1.0.0)
    package4330 (1.0.0)
    package4331 (1.0.0)
    package4332 (1.0.0)
    package4333 (1.0.0)
    package4334 (1.0.0)
    package4335 (1.0.0)
    package4336 (1.0.0)
    package4337 (1.0.0)
    package4338 (1.0.0)
    package4339 (1.0.0)
    package4340 (1.0.0)
    package4341 (1.0.0)
    package4342 (1.0.0)
    package4343 (1.0.0)
    package4344 (1.0.0)
    package4345 (1.0.0)
    package4346 (1.0.0)
    package4347 (1.0.0)
    package4348 (1.0.0)
    package4349 (1.0.0)
    package4350 (1.0.0)
    package4351 (1.0.0)
    package4352 (1.0.0)
    package4353 (1.0.0)
    package4354 (1.0.0)
    package4355 (1.0.0)
    package4356 (1.0.0)
    package4357 (1.0.0)
    package4358 (1.0.0)
    package4359 (1.0.0)
    package4360 (1.0.0)
    package4361 (1.0.0)
    package4362 (1.0.0)
    package4363 (1.0.0)
    package4364 (1.0.0)
    package4365 (1.0.0)
    package4366 (1.0.0)
    package4367 (1.0.0)
    package4368 (1.0.0)
    package4369 (1.0.0)
    package4370 (1.0.0)
    package4371 (1.0.0)
    package4372 (1.0.0)
    package4373 (1.0.0)
    package4374 (1.0.0)
    package4375 (1.0.0)
    package4376 (1.0.0)
    package4377 (1.0.0)
    package4378 (1.0.0)
    package4379 (1.0.0)
    package4380 (1.0.0)
    package4381 (1.0.0)
    package4382 (1.0.0)
    package4383 (1.0.0)
    package4384 (1.0.0)
    package4385 (1.0.0)
    package4386 (1.0.0)
    package4387 (1.0.0)
    package4388 (1.0.0)
    package4389 (1.0.0)
    package4390 (1.0.0)
    package4391 (1.0.0)
    package4392 (1.0.0)
    package4393 (1.0.0)
    package4394 (1.0.0)
    package4395 (1.0.0)
    package4396 (1.0.0)
    package4397 (1.0.0)
    package4398 (1.0.0)
    package4399 (1.0.0)
    package4400 (1.0.0)
    package4401 (1.0.0)
    package4402 (1.0.0)
    package4403 (1.0.0)
    package4404 (1.0.0)
    package4405 (1.0.0)
    package4406 (1.0.0)
    package4407 (1.0.0)
    package4408 (1.0.0)
    package4409 (1.0.0)
    package4410 (1.0.0)
    package4411 (1.0.0)
    package4412 (1.0.0)
    package4413 (1.0.0)
    package4414 (1.0.0)
    package4415 (1.0.0)
    package4416 (1.0.0)
    package4417 (1.0.0)
    package4418 (1.0.0)
    package4419 (1.0.0)
    package4420 (1.0.0)
    package4421 (1.0.0)
    package4422 (1.0.0)
    package4423 (1.0.0)
    package4424 (1.0.0)
    package4425 (1.0.0)
    package4426 (1.0.0)
    package4427 (1.0.0)
    package4428 (1.0.0)
    package4429 (1.0.0)
    package4430 (1.0.0)
    package4431 (1.0.0)
    package4432 (1.0.0)
    package4433 (1.0.0)
    package4434 (1.0.0)
    package4435 (1.0.0)
    package4436 (1.0.0)
    package4437 (1.0.0)
    package4438 (1.0.0)
    package4439 (1.0.0)
    package4440 (1.0.0)
    package4441 (1.0.0)
    package4442 (1.0.0)
    package4443 (1.0.0)
    package4444 (1.0.0)
    package4445 (1.0.0)
    package4446 (1.0.0)
    package4447 (1.0.0)
    package4448 (1.0.0)
    package4449 (1.0.0)
    package4450 (1.0.0)
    package4451 (1.0.0)
    package4452 (1.0.0)
    package4453 (1.0.0)
    package4454 (1.0.0)
    package4455 (1.0.0)
    package4456 (1.0.0)
    package4457 (1.0.0)
    package4458 (1.0.0)
    package4459 (1.0.0)
    package4460 (1.0.0)
    package4461 (1.0.0)
    package4462 (1.0.0)
    package4463 (1.0.0)
    package4464 (1.0.0)
    package4465 (1.0.0)
    package4466 (1.0.0)
    package4467 (1.0.0)
    package4468 (1.0.0)
    package4469 (1.0.0)
    package4470 (1.0.0)
    package4471 (1.0.0)
    package4472 (1.0.0)
    package4473 (1.0.0)
    package4474 (1.0.0)
    package4475 (1.0.0)
    package4476 (1.0.0)
    package4477 (1.0.0)
    package4478 (1.0.0)
    package4479 (1.0.0)
    package4480 (1.0.0)
    package4481 (1.0.0)
    package4482 (1.0.0)
    package4483 (1.0.0)
    package4484 (1.0.0)
    package4485 (1.0.0)
    package4486 (1.0.0)
    package4487 (1.0.0)
    package4488 (1.0.0)
    package4489 (1.0.0)
    package4490 (1.0.0)
    package4491 (1.0.0)
    package4492 (1.0.0)
    package4493 (1.0.0)
    package4494 (1.0.0)
    package4495 (1.0.0)
    package4496 (1.0.0)
    package4497 (1.0.0)
    package4498 (1.0.0)
    package4499 (1.0.0)
    package4500 (1.0.0)
    package4501 (1.0.0)
    package4502 (1.0.0)
    package4503 (1.0.0)
    package4504 (1.0.0)
    package4505 (1.0.0)
    package4506 (1.0.0)
    package4507 (1.0.0)
    package4508 (1.0.0)
    package4509 (1.0.0)
    package4510 (1.0.0)
    package4511 (1.0.0)
    package4512 (1.0.0)
    package4513 (1.0.0)
    package4514 (1.0.0)
    package4515 (1.0.0)
    package4516 (1.0.0)
    package4517 (1.0.0)
    package4518 (1.0.0)
    package4519 (1.0.0)
    package4520 (1.0.0)
    package4521 (1.0.0)
    package4522 (1.0.0)
    package4523 (1.0.0)
    package4524 (1.0.0)
    package4525 (1.0.0)
    package4526 (1.0.0)
    package4527 (1.0.0)
    package4528 (1.0.0)
    package4529 (1.0.0)
    package4530 (1.0.0)
    package4531 (1.0.0)
    package4532 (1.0.0)
    package4533 (1.0.0)
    package4534 (1.0.0)
    package4535 (1.0.0)
    package4536 (1.0.0)
    package4537 (1.0.0)
    package4538 (1.0.0)
    package4539 (1.0.0)
    package4540 (1.0.0)
    package4541 (1.0.0)
    package4542 (1.0.0)
    package4543 (1.0.0)
    package4544 (1.0.0)
    package4545 (1.0.0)
    package4546 (1.0.0)
    package4547 (1.0.0)
    package4548 (1.0.0)
    package4549 (1.0.0)
    package4550 (1.0.0)
    package4551 (1.0.0)
    package4552 (1.0.0)
    package4553 (1.0.0)
    package4554 (1.0.0)
    package4555 (1.0.0)
    package4556 (1.0.0)
    package4557 (1.0.0)
    package4558 (1.0.0)
    package4559 (1.0.0)
    package4560 (1.0.0)
    package4561 (1.0.0)
    package4562 (1.0.0)
    package4563 (1.0.0)
    package4564 (1.0.0)
    package4565 (1.0.0)
    package4566 (1.0.0)
    package4567 (1.0.0)
    package4568 (1.0.0)
    package4569 (1.0.0)
    package4570 (1.0.0)
    package4571 (1.0.0)
    package4572 (1.0.0)
    package4573 (1.0.0)
    package4574 (1.0.0)
    package4575 (1.0.0)
    package4576 (1.0.0)
    package4577 (1.0.0)
    package4578 (1.0.0)
    package4579 (1.0.0)
    package4580 (1.0.0)
    package4581 (1.0.0)
    package4582 (1.0.0)
    package4583 (1.0.0)
    package4584 (1.0.0)
    package4585 (1.0.0)
    package4586 (1.0.0)
    package4587 (1.0.0)
    package4588 (1.0.0)
    package4589 (1.0.0)
    package4590 (1.0.0)
    package4591 (1.0.0)
    package4592 (1.0.0)
    package4593 (1.0.0)
    package4594 (1.0.0)
    package4595 (1.0.0)
    package4596 (1.0.0)
    package4597 (1.0.0)
    package4598 (1.0.0)
    package4599 (1.0.0)
    package4600 (1.0.0)
    package4601 (1.0.0)
    package4602 (1.0.0)
    package4603 (1.0.0)
    package4604 (1.0.0)
    package4605 (1.0.0)
    package4606 (1.0.0)
    package4607 (1.0.0)
    package4608 (1.0.0)
    package4609 (1.0.0)
    package4610 (1.0.0)
    package4611 (1.0.0)
    package4612 (1.0.0)
    package4613 (1.0.0)
    package4614 (1.0.0)
    package4615 (1.0.0)
    package4616 (1.0.0)
    package4617 (1.0.0)
    package4618 (1.0.0)
    package4619 (1.0.0)
    package4620 (1.0.0)
    package4621 (1.0.0)
    package4622 (1.0.0)
    package4623 (1.0.0)
    package4624 (1.0.0)
    package4625 (1.0.0)
    package4626 (1.0.0)
    package4627 (1.0.0)
    package4628 (1.0.0)
    package4629 (1.0.0)
    package4630 (1.0.0)
    package4631 (1.0.0)
    package4632 (1.0.0)
    package4633 (1.0.0)
    package4634 (1.0.0)
    package4635 (1.0.0)
    package4636 (1.0.0)
    package4637 (1.0.0)
    package4638 (1.0.0)
    package4639 (1.0.0)
    package4640 (1.0.0)
    package4641 (1.0.0)
    package4642 (1.0.0)
    package4643 (1.0.0)
    package4644 (1.0.0)
    package4645 (1.0.0)
    package4646 (1.0.0)
    package4647 (1.0.0)
    package4648 (1.0.0)
    package4649 (1.0.0)
    package4650 (1.0.0)
    package4651 (1.0.0)
    package4652 (1.0.0)
    package4653 (1.0.0)
    package4654 (1.0.0)
    package4655 (1.0.0)
    package4656 (1.0.0)
    package4657 (1.0.0)
    package4658 (1.0.0)
    package4659 (1.0.0)
    package4660 (1.0.0)
    package4661 (1.0.0)
    package4662 (1.0.0)
    package4663 (1.0.0)
    package4664 (1.0.0)
    package4665 (1.0.0)
    package4666 (1.0.0)
    package4667 (1.0.0)
    package4668 (1.0.0)
    package4669 (1.0.0)
    package4670 (1.0.0)
    package4671 (1.0.0)
    package4672 (1.0.0)
    package4673 (1.0.0)
    package4674 (1.0.0)
    package4675 (1.0.0)
    package4676 (1.0.0)
    package4677 (1.0.0)
    package4678 (1.0.0)
    package4679 (1.0.0)
    package4680 (1.0.0)
    package4681 (1.0.0)
    package4682 (1.0.0)
    package4683 (1.0.0)
    package4684 (1.0.0)
    package4685 (1.0.0)
    package4686 (1.0.0)
    package4687 (1.0.0)
    package4688 (1.0.0)
    package4689 (1.0.0)
    package4690 (1.0.0)
    package4691 (1.0.0)
    package4692 (1.0.0)
    package4693 (1.0.0)
    package4694 (1.0.0)
    package4695 (1.0.0)
    package4696 (1.0.0)
    package4697 (1.0.0)
    package4698 (1.0.0)
    package4699 (1.0.0)
    package4700 (1.0.0)
    package4701 (1.0.0)
    package4702 (1.0.0)
    package4703 (1.0.0)
    package4704 (1.0.0)
    package4705 (1.0.0)
    package4706 (1.0.0)
    package4707 (1.0.0)
    package4708 (1.0.0)
    package4709 (1.0.0)
    package4710 (1.0.0)
    package4711 (1.0.0)
    package4712 (1.0.0)
    package4713 (1.0.0)
    package4714 (1.0.0)
    package4715 (1.0.0)
    package4716 (1.0.0)
    package4717 (1.0.0)
    package4718 (1.0.0)
    package4719 (1.0.0)
    package4720 (1.0.0)
    package4721 (1.0.0)
    package4722 (1.0.0)
    package4723 (1.0.0)
    package4724 (1.0.0)
    package4725 (1.0.0)
    package4726 (1.0.0)
    package4727 (1.0.0)
    package4728 (1.0.0)
    package4729 (1.0.0)
    package4730 (1.0.0)
    package4731 (1.0.0)
    package4732 (1.0.0)
    package4733 (1.0.0)
    package4734 (1.0.0)
    package4735 (1.0.0)
    package4736 (1.0.0)
    package4737 (1.0.0)
    package4738 (1.0.0)
    package4739 (1.0.0)
    package4740 (1.0.0)
    package4741 (1.0.0)
    package4742 (1.0.0)
    package4743 (1.0.0)
    package4744 (1.0.0)
    package4745 (1.0.0)
    package4746 (1.0.0)
    package4747 (1.0.0)
    package4748 (1.0.0)
    package4749 (1.0.0)
    package4750 (1.0.0)
    package4751 (1.0.0)
    package4752 (1.0.0)
    package4753 (1.0.0)
    package4754 (1.0.0)
    package4755 (1.0.0)
    package4756 (1.0.0)
    package4757 (1.0.0)
    package4758 (1.0.0)
    package4759 (1.0.0)
    package4760 (1.0.0)
    package4761 (1.0.0)
    package4762 (1.0.0)
    package4763 (1.0.0)
    package4764 (1.0.0)
    package4765 (1.0.0)
    package4766 (1.0.0)
    package4767 (1.0.0)
    package4768 (1.0.0)
    package4769 (1.0.0)
    package4770 (1.0.0)
    package4771 (1.0.0)
    package4772 (1.0.0)
    package4773 (1.0.0)
    package4774 (1.0.0)
    package4775 (1.0.0)
    package4776 (1.0.0)
    package4777 (1.0.0)
    package4778 (1.0.0)
    package4779 (1.0.0)
    package4780 (1.0.0)
    package4781 (1.0.0)
    package4782 (1.0.0)
    package4783 (1.0.0)
    package4784 (1.0.0)
    package4785 (1.0.0)
    package4786 (1.0.0)
    package4787 (1.0.0)
    package4788 (1.0.0)
    package4789 (1.0.0)
    package4790 (1.0.0)
    package4791 (1.0.0)
    package4792 (1.0.0)
    package4793 (1.0.0)
    package4794 (1.0.0)
    package4795 (1.0.0)
    package4796 (1.0.0)
    package4797 (1.0.0)
    package4798 (1.0.0)
    package4799 (1.0.0)
    package4800 (1.0.0)
    package4801 (1.0.0)
    package4802 (1.0.0)
    package4803 (1.0.0)
    package4804 (1.0.0)
    package4805 (1.0.0)
    package4806 (1.0.0)
    package4807 (1.0.0)
    package4808 (1.0.0)
    package4809 (1.0.0)
    package4810 (1.0.0)
    package4811 (1.0.0)
    package4812 (1.0.0)
    package4813 (1.0.0)
    package4814 (1.0.0)
    package4815 (1.0.0)
    package4816 (1.0.0)
    package4817 (1.0.0)
    package4818 (1.0.0)
    package4819 (1.0.0)
    package4820 (1.0.0)
    package4821 (1.0.0)
    package4822 (1.0.0)
    package4823 (1.0.0)
    package4824 (1.0.0)
    package4825 (1.0.0)
    package4826 (1.0.0)
    package4827 (1.0.0)
    package4828 (1.0.0)
    package4829 (1.0.0)
    package4830 (1.0.0)
    package4831 (1.0.0)
    package4832 (1.0.0)
    package4833 (1.0.0)
    package4834 (1.0.0)
    package4835 (1.0.0)
    package4836 (1.0.0)
    package4837 (1.0.0)
    package4838 (1.0.0)
    package4839 (1.0.0)
    package4840 (1.0.0)
    package4841 (1.0.0)
    package4842 (1.0.0)
    package4843 (1.0.0)
    package4844 (1.0.0)
    package4845 (1.0.0)
    package4846 (1.0.0)
    package4847 (1.0.0)
    package4848 (1.0.0)
    package4849 (1.0.0)
    package4850 (1.0.0)
    package4851 (1.0.0)
    package4852 (1.0.0)
    package4853 (1.0.0)
    package4854 (1.0.0)
    package4855 (1.0.0)
    package4856 (1.0.0)
    package4857 (1.0.0)
    package4858 (1.0.0)
    package4859 (1.0.0)
    package4860 (1.0.0)
    package4861 (1.0.0)
    package4862 (1.0.0)
    package4863 (1.0.0)
    package4864 (1.0.0)
    package4865 (1.0.0)
    package4866 (1.0.0)
    package4867 (1.0.0)
    package4868 (1.0.0)
    package4869 (1.0.0)
    package4870 (1.0.0)
    package4871 (1.0.0)
    package4872 (1.0.0)
    package4873 (1.0.0)
    package4874 (1.0.0)
    package4875 (1.0.0)
    package4876 (1.0.0)
    package4877 (1.0.0)
    package4878 (1.0.0)
    package4879 (1.0.0)
    package4880 (1.0.0)
    package4881 (1.0.0)
    package4882 (1.0.0)
    package4883 (1.0.0)
    package4884 (1.0.0)
    package4885 (1.0.0)
    package4886 (1.0.0)
    package4887 (1.0.0)
    package4888 (1.0.0)
    package4889 (1.0.0)
    package4890 (1.0.0)
    package4891 (1.0.0)
    package4892 (1.0.0)
    package4893 (1.0.0)
    package4894 (1.0.0)
    package4895 (1.0.0)
    package4896 (1.0.0)
    package4897 (1.0.0)
    package4898 (1.0.0)
    package4899 (1.0.0)
    package4900 (1.0.0)
    package4901 (1.0.0)
    package4902 (1.0.0)
    package4903 (1.0.0)
    package4904 (1.0.0)
    package4905 (1.0.0)
    package4906 (1.0.0)
    package4907 (1.0.0)
    package4908 (1.0.0)
    package4909 (1.0.0)
    package4910 (1.0.0)
    package4911 (1.0.0)
    package4912 (1.0.0)
    package4913 (1.0.0)
    package4914 (1.0.0)
    package4915 (1.0.0)
    package4916 (1.0.0)
    package4917 (1.0.0)
    package4918 (1.0.0)
    package4919 (1.0.0)
    package4920 (1.0.0)
    package4921 (1.0.0)
    package4922 (1.0.0)
    package4923 (1.0.0)
    package4924 (1.0.0)
    package4925 (1.0.0)
    package4926 (1.0.0)
    package4927 (1.0.0)
    package4928 (1.0.0)
    package4929 (1.0.0)
    package4930 (1.0.0)
    package4931 (1.0.0)
    package4932 (1.0.0)
    package4933 (1.0.0)
    package4934 (1.0.0)
    package4935 (1.0.0)
    package4936 (1.0.0)
    package4937 (1.0.0)
    package4938 (1.0.0)
    package4939 (1.0.0)
    package4940 (1.0.0)
    package4941 (1.0.0)
    package4942 (1.0.0)
    package4943 (1.0.0)
    package4944 (1.0.0)
    package4945 (1.0.0)
    package4946 (1.0.0)
    package4947 (1.0.0)
    package4948 (1.0.0)
    package4949 (1.0.0)
    package4950 (1.0.0)
    package4951 (1.0.0)
    package4952 (1.0.0)
    package4953 (1.0.0)
    package4954 (1.0.0)
    package4955 (1.0.0)
    package4956 (1.0.0)
    package4957 (1.0.0)
    package4958 (1.0.0)
    package4959 (1.0.0)
    package4960 (1.0.0)
    package4961 (1.0.0)
    package4962 (1.0.0)
    package4963 (1.0.0)
    package4964 (1.0.0)
    package4965 (1.0.0)
    package4966 (1.0.0)
    package4967 (1.0.0)
    package4968 (1.0.0)
    package4969 (1.0.0)
    package4970 (1.0.0)
    package4971 (1.0.0)
    package4972 (1.0.0)
    package4973 (1.0.0)
    package4974 (1.0.0)
    package4975 (1.0.0)
    package4976 (1.0.0)
    package4977 (1.0.0)
    package4978 (1.0.0)
    package4979 (1.0.0)
    package4980 (1.0.0)
    package4981 (1.0.0)
    package4982 (1.0.0)
    package4983 (1.0.0)
    package4984 (1.0.0)
    package4985 (1.0.0)
    package4986 (1.0.0)
    package4987 (1.0.0)
    package4988 (1.0.0)
    package4989 (1.0.0)
    package4990 (1.0.0)
    package4991 (1.0.0)
    package4992 (1.0.0)
    package4993 (1.0.0)
    package4994 (1.0.0)
    package4995 (1.0.0)
    package4996 (1.0.0)
    package4997 (1.0.0)
    package4998 (1.0.0)
    package4999 (1.0.0)
    package5000 (1.0.0)
    package5001 (1.0.0)
    package5002 (1.0.0)
    package5003 (1.0.0)
    package5004 (1.0.0)
    package5005 (1.0.0)
    package5006 (1.0.0)
    package5007 (1.0.0)
    package5008 (1.0.0)
    package5009 (1.0.0)
    package5010 (1.0.0)
    package5011 (1.0.0)
    package5012 (1.0.0)
    package5013 (1.0.0)
    package5014 (1.0.0)
    package5015 (1.0.0)
    package5016 (1.0.0)
    package5017 (1.0.0)
    package5018 (1.0.0)
    package5019 (1.0.0)
    package5020 (1.0.0)
    package5021 (1.0.0)
    package5022 (1.0.0)
    package5023 (1.0.0)
    package5024 (1.0.0)
    package5025 (1.0.0)
    package5026 (1.0.0)
    package5027 (1.0.0)
    package5028 (1.0.0)
    package5029 (1.0.0)
    package5030 (1.0.0)
    package5031 (1.0.0)
    package5032 (1.0.0)
    package5033 (1.0.0)
    package5034 (1.0.0)
    package5035 (1.0.0)
    package5036 (1.0.0)
    package5037 (1.0.0)
    package5038 (1.0.0)
    package5039 (1.0.0)
    package5040 (1.0.0)
    package5041 (1.0.0)
    package5042 (1.0.0)
    package5043 (1.0.0)
    package5044 (1.0.0)
    package5045 (1.0.0)
    package5046 (1.0.0)
    package5047 (1.0.0)
    package5048 (1.0.0)
    package5049 (1.0.0)
    package5050 (1.0.0)
    package5051 (1.0.0)
    package5052 (1.0.0)
    package5053 (1.0.0)
    package5054 (1.0.0)
    package5055 (1.0.0)
    package5056 (1.0.0)
    package5057 (1.0.0)
    package5058 (1.0.0)
    package5059 (1.0.0)
    package5060 (1.0.0)
    package5061 (1.0.0)
    package5062 (1.0.0)
    package5063 (1.0.0)
    package5064 (1.0.0)
    package5065 (1.0.0)
    package5066 (1.0.0)
    package5067 (1.0.0)
    package5068 (1.0.0)
    package5069 (1.0.0)
    package5070 (1.0.0)
    package5071 (1.0.0)
    package5072 (1.0.0)
    package5073 (1.0.0)
    package5074 (1.0.0)
    package5075 (1.0.0)
    package5076 (1.0.0)
    package5077 (1.0.0)
    package5078 (1.0.0)
    package5079 (1.0.0)
    package5080 (1.0.0)
    package5081 (1.0.0)
    package5082 (1.0.0)
    package5083 (1.0.0)
    package5084 (1.0.0)
    package5085 (1.0.0)
    package5086 (1.0.0)
    package5087 (1.0.0)
    package5088 (1.0.0)
    package5089 (1.0.0)
    package5090 (1.0.0)
    package5091 (1.0.0)
    package5092 (1.0.0)
    package5093 (1.0.0)
    package5094 (1.0.0)
    package5095 (1.0.0)
    package5096 (1.0.0)
    package5097 (1.0.0)
    package5098 (1.0.0)
    package5099 (1.0.0)
    package5100 (1.0.0)
    package5101 (1.0.0)
    package5102 (1.0.0)
    package5103 (1.0.0)
    package5104 (1.0.0)
    package5105 (1.0.0)
    package5106 (1.0.0)
    package5107 (1.0.0)
    package5108 (1.0.0)
    package5109 (1.0.0)
    package5110 (1.0.0)
    package5111 (1.0.0)
    package5112 (1.0.0)
    package5113 (1.0.0)
    package5114 (1.0.0)
    package5115 (1.0.0)
    package5116 (1.0.0)
    package5117 (1.0.0)
    package5118 (1.0.0)
    package5119 (1.0.0)
    package5120 (1.0.0)
    package5121 (1.0.0)
    package5122 (1.0.0)
    package5123 (1.0.0)
    package5124 (1.0.0)
    package5125 (1.0.0)
    package5126 (1.0.0)
    package5127 (1.0.0)
    package5128 (1.0.0)
    package5129 (1.0.0)
    package5130 (1.0.0)
    package5131 (1.0.0)
    package5132 (1.0.0)
    package5133 (1.0.0)
    package5134 (1.0.0)
    package5135 (1.0.0)
    package5136 (1.0.0)
    package5137 (1.0.0)
    package5138 (1.0.0)
    package5139 (1.0.0)
    package5140 (1.0.0)
    package5141 (1.0.0)
    package5142 (1.0.0)
    package5143 (1.0.0)
    package5144 (1.0.0)
    package5145 (1.0.0)
    package5146 (1.0.0)
    package5147 (1.0.0)
    package5148 (1.0.0)
    package5149 (1.0.0)
    package5150 (1.0.0)
    package5151 (1.0.0)
    package5152 (1.0.0)
    package5153 (1.0.0)
    package5154 (1.0.0)
    package5155 (1.0.0)
    package5156 (1.0.0)
    package5157 (1.0.0)
    package5158 (1.0.0)
    package5159 (1.0.0)
    package5160 (1.0.0)
    package5161 (1.0.0)
    package5162 (1.0.0)
    package5163 (1.0.0)
    package5164 (1.0.0)
    package5165 (1.0.0)
    package5166 (1.0.0)
    package5167 (1.0.0)
    package5168 (1.0.0)
    package5169 (1.0.0)
    package5170 (1.0.0)
    package5171 (1.0.0)
    package5172 (1.0.0)
    package5173 (1.0.0)
    package5174 (1.0.0)
    package5175 (1.0.0)
    package5176 (1.0.0)
    package5177 (1.0.0)
    package5178 (1.0.0)
    package5179 (1.0.0)
    package5180 (1.0.0)
    package5181 (1.0.0)
    package5182 (1.0.0)
    package5183 (1.0.0)
    package5184 (1.0.0)
    package5185 (1.0.0)
    package5186 (1.0.0)
    package5187 (1.0.0)
    package5188 (1.0.0)
    package5189 (1.0.0)
    package5190 (1.0.0)
    package5191 (1.0.0)
    package5192 (1.0.0)
    package5193 (1.0.0)
    package5194 (1.0.0)
    package5195 (1.0.0)
    package5196 (1.0.0)
    package5197 (1.0.0)
    package5198 (1.0.0)
    package5199 (1.0.0)
    package5200 (1.0.0)
    package5201 (1.0.0)
    package5202 (1.0.0)
    package5203 (1.0.0)
    package5204 (1.0.0)
    package5205 (1.0.0)
    package5206 (1.0.0)
    package5207 (1.0.0)
    package5208 (1.0.0)
    package5209 (1.0.0)
    package5210 (1.0.0)
    package5211 (1.0.0)
    package5212 (1.0.0)
    package5213 (1.0.0)
    package5214 (1.0.0)
    package5215 (1.0.0)
    package5216 (1.0.0)
    package5217 (1.0.0)
    package5218 (1.0.0)
    package5219 (1.0.0)
    package5220 (1.0.0)
    package5221 (1.0.0)
    package5222 (1.0.0)
    package5223 (1.0.0)
    package5224 (1.0.0)
    package5225 (1.0.0)
    package5226 (1.0.0)
    package5227 (1.0.0)
    package5228 (1.0.0)
    package5229 (1.0.0)
    package5230 (1.0.0)
    package5231 (1.0.0)
    package5232 (1.0.0)
    package5233 (1.0.0)
    package5234 (1.0.0)
    package5235 (1.0.0)
    package5236 (1.0.0)
    package5237 (1.0.0)
    package5238 (1.0.0)
    package5239 (1.0.0)
    package5240 (1.0.0)
    package5241 (1.0.0)
    package5242 (1.0.0)
    package5243 (1.0.0)
    package5244 (1.0.0)
    package5245 (1.0.0)
    package5246 (1.0.0)
    package5247 (1.0.0)
    package5248 (1.0.0)
    package5249 (1.0.0)
    package5250 (1.0.0)
    package5251 (1.0.0)
    package5252 (1.0.0)
    package5253 (1.0.0)
    package5254 (1.0.0)
    package5255 (1.0.0)
    package5256 (1.0.0)
    package5257 (1.0.0)
    package5258 (1.0.0)
    package5259 (1.0.0)
    package5260 (1.0.0)
    package5261 (1.0.0)
    package5262 (1.0.0)
    package5263 (1.0.0)
    package5264 (1.0.0)
    package5265 (1.0.0)
    package5266 (1.0.0)
    package5267 (1.0.0)
    package5268 (1.0.0)
    package5269 (1.0.0)
    package5270 (1.0.0)
    package5271 (1.0.0)
    package5272 (1.0.0)
    package5273 (1.0.0)
    package5274 (1.0.0)
    package5275 (1.0.0)
    package5276 (1.0.0)
    package5277 (1.0.0)
    package5278 (1.0.0)
    package5279 (1.0.0)
    package5280 (1.0.0)
    package5281 (1.0.0)
    package5282 (1.0.0)
    package5283 (1.0.0)
    package5284 (1.0.0)
    package5285 (1.0.0)
    package5286 (1.0.0)
    package5287 (1.0.0)
    package5288 (1.0.0)
    package5289 (1.0.0)
    package5290 (1.0.0)
    package5291 (1.0.0)
    package5292 (1.0.0)
    package5293 (1.0.0)
    package5294 (1.0.0)
    package5295 (1.0.0)
    package5296 (1.0.0)
    package5297 (1.0.0)
    package5298 (1.0.0)
    package5299 (1.0.0)
    package5300 (1.0.0)
    package5301 (1.0.0)
    package5302 (1.0.0)
    package5303 (1.0.0)
    package5304 (1.0.0)
    package5305 (1.0.0)
    package5306 (1.0.0)
    package5307 (1.0.0)
    package5308 (1.0.0)
    package5309 (1.0.0)
    package5310 (1.0.0)
    package5311 (1.0.0)
    package5312 (1.0.0)
    package5313 (1.0.0)
    package5314 (1.0.0)
    package5315 (1.0.0)
    package5316 (1.0.0)
    package5317 (1.0.0)
    package5318 (1.0.0)
    package5319 (1.0.0)
    package5320 (1.0.0)
    package5321 (1.0.0)
    package5322 (1.0.0)
    package5323 (1.0.0)
    package5324 (1.0.0)
    package5325 (1.0.0)
    package5326 (1.0.0)
    package5327 (1.0.0)
    package5328 (1.0.0)
    package5329 (1.0.0)
    package5330 (1.0.0)
    package5331 (1.0.0)
    package5332 (1.0.0)
    package5333 (1.0.0)
    package5334 (1.0.0)
    package5335 (1.0.0)
    package5336 (1.0.0)
    package5337 (1.0.0)
    package5338 (1.0.0)
    package5339 (1.0.0)
    package5340 (1.0.0)
    package5341 (1.0.0)
    package5342 (1.0.0)
    package5343 (1.0.0)
    package5344 (1.0.0)
    package5345 (1.0.0)
    package5346 (1.0.0)
    package5347 (1.0.0)
    package5348 (1.0.0)
    package5349 (1.0.0)
    package5350 (1.0.0)
    package5351 (1.0.0)
    package5352 (1.0.0)
    package5353 (1.0.0)
    package5354 (1.0.0)
    package5355 (1.0.0)
    package5356 (1.0.0)
    package5357 (1.0.0)
    package5358 (1.0.0)
    package5359 (1.0.0)
    package5360 (1.0.0)
    package5361 (1.0.0)
    package5362 (1.0.0)
    package5363 (1.0.0)
    package5364 (1.0.0)
    package5365 (1.0.0)
    package5366 (1.0.0)
    package5367 (1.0.0)
    package5368 (1.0.0)
    package5369 (1.0.0)
    package5370 (1.0.0)
    package5371 (1.0.0)
    package5372 (1.0.0)
    package5373 (1.0.0)
    package5374 (1.0.0)
    package5375 (1.0.0)
    package5376 (1.0.0)
    package5377 (1.0.0)
    package5378 (1.0.0)
    package5379 (1.0.0)
    package5380 (1.0.0)
    package5381 (1.0.0)
    package5382 (1.0.0)
    package5383 (1.0.0)
    package5384 (1.0.0)
    package5385 (1.0.0)
    package5386 (1.0.0)
    package5387 (1.0.0)
    package5388 (1.0.0)
    package5389 (1.0.0)
    package5390 (1.0.0)
    package5391 (1.0.0)
    package5392 (1.0.0)
    package5393 (1.0.0)
    package5394 (1.0.0)
    package5395 (1.0.0)
    package5396 (1.0.0)
    package5397 (1.0.0)
    package5398 (1.0.0)
    package5399 (1.0.0)
    package5400 (1.0.0)
    package5401 (1.0.0)
    package5402 (1.0.0)
    package5403 (1.0.0)
    package5404 (1.0.0)
    package5405 (1.0.0)
    package5406 (1.0.0)
    package5407 (1.0.0)
    package5408 (1.0.0)
    package5409 (1.0.0)
    package5410 (1.0.0)
    package5411 (1.0.0)
    package5412 (1.0.0)
    package5413 (1.0.0)
    package5414 (1.0.0)
    package5415 (1.0.0)
    package5416 (1.0.0)
    package5417 (1.0.0)
    package5418 (1.0.0)
    package5419 (1.0.0)
    package5420 (1.0.0)
    package5421 (1.0.0)
    package5422 (1.0.0)
    package5423 (1.0.0)
    package5424 (1.0.0)
    package5425 (1.0.0)
    package5426 (1.0.0)
    package5427 (1.0.0)
    package5428 (1.0.0)
    package5429 (1.0.0)
    package5430 (1.0.0)
    package5431 (1.0.0)
    package5432 (1.0.0)
    package5433 (1.0.0)
    package5434 (1.0.0)
    package5435 (1.0.0)
    package5436 (1.0.0)
    package5437 (1.0.0)
    package5438 (1.0.0)
    package5439 (1.0.0)
    package5440 (1.0.0)
    package5441 (1.0.0)
    package5442 (1.0.0)
    package5443 (1.0.0)
    package5444 (1.0.0)
    package5445 (1.0.0)
    package5446 (1.0.0)
    package5447 (1.0.0)
    package5448 (1.0.0)
    package5449 (1.0.0)
    package5450 (1.0.0)
    package5451 (1.0.0)
    package5452 (1.0.0)
    package5453 (1.0.0)
    package5454 (1.0.0)
    package5455 (1.0.0)
    package5456 (1.0.0)
    package5457 (1.0.0)
    package5458 (1.0.0)
    package5459 (1.0.0)
    package5460 (1.0.0)
    package5461 (1.0.0)
    package5462 (1.0.0)
    package5463 (1.0.0)
    package5464 (1.0.0)
    package5465 (1.0.0)
    package5466 (1.0.0)
    package5467 (1.0.0)
    package5468 (1.0.0)
    package5469 (1.0.0)
    package5470 (1.0.0)
    package5471 (1.0.0)
    package5472 (1.0.0)
    package5473 (1.0.0)
    package5474 (1.0.0)
    package5475 (1.0.0)
    package5476 (1.0.0)
    package5477 (1.0.0)
    package5478 (1.0.0)
    package5479 (1.0.0)
    package5480 (1.0.0)
    package5481 (1.0.0)
    package5482 (1.0.0)
    package5483 (1.0.0)
    package5484 (1.0.0)
    package5485 (1.0.0)
    package5486 (1.0.0)
    package5487 (1.0.0)
    package5488 (1.0.0)
    package5489 (1.0.0)
    package5490 (1.0.0)
    package5491 (1.0.0)
    package5492 (1.0.0)
    package5493 (1.0.0)
    package5494 (1.0.0)
    package5495 (1.0.0)
    package5496 (1.0.0)
    package5497 (1.0.0)
    package5498 (1.0.0)
    package5499 (1.0.0)
    package5500 (1.0.0)
    package5501 (1.0.0)
    package5502 (1.0.0)
    package5503 (1.0.0)
    package5504 (1.0.0)
    package5505 (1.0.0)
    package5506 (1.0.0)
    package5507 (1.0.0)
    package5508 (1.0.0)
    package5509 (1.0.0)
    package5510 (1.0.0)
    package5511 (1.0.0)
    package5512 (1.0.0)
    package5513 (1.0.0)
    package5514 (1.0.0)
    package5515 (1.0.0)
    package5516 (1.0.0)
    package5517 (1.0.0)
    package5518 (1.0.0)
    package5519 (1.0.0)
    package5520 (1.0.0)
    package5521 (1.0.0)
    package5522 (1.0.0)
    package5523 (1.0.0)
    package5524 (1.0.0)
    package5525 (1.0.0)
    package5526 (1.0.0)
    package5527 (1.0.0)
    package5528 (1.0.0)
    package5529 (1.0.0)
    package5530 (1.0.0)
    package5531 (1.0.0)
    package5532 (1.0.0)
    package5533 (1.0.0)
    package5534 (1.0.0)
    package5535 (1.0.0)
    package5536 (1.0.0)
    package5537 (1.0.0)
    package5538 (1.0.0)
    package5539 (1.0.0)
    package5540 (1.0.0)
    package5541 (1.0.0)
    package5542 (1.0.0)
    package5543 (1.0.0)
    package5544 (1.0.0)
    package5545 (1.0.0)
    package5546 (1.0.0)
    package5547 (1.0.0)
    package5548 (1.0.0)
    package5549 (1.0.0)
    package5550 (1.0.0)
    package5551 (1.0.0)
    package5552 (1.0.0)
    package5553 (1.0.0)
    package5554 (1.0.0)
    package5555 (1.0.0)
    package5556 (1.0.0)
    package5557 (1.0.0)
    package5558 (1.0.0)
    package5559 (1.0.0)
    package5560 (1.0.0)
    package5561 (1.0.0)
    package5562 (1.0.0)
    package5563 (1.0.0)
    package5564 (1.0.0)
    package5565 (1.0.0)
    package5566 (1.0.0)
    package5567 (1.0.0)
    package5568 (1.0.0)
    package5569 (1.0.0)
    package5570 (1.0.0)
    package5571 (1.0.0)
    package5572 (1.0.0)
    package5573 (1.0.0)
    package5574 (1.0.0)
    package5575 (1.0.0)
    package5576 (1.0.0)
    package5577 (1.0.0)
    package5578 (1.0.0)
    package5579 (1.0.0)
    package5580 (1.0.0)
    package5581 (1.0.0)
    package5582 (1.0.0)
    package5583 (1.0.0)
    package5584 (1.0.0)
    package5585 (1.0.0)
    package5586 (1.0.0)
    package5587 (1.0.0)
    package5588 (1.0.0)
    package5589 (1.0.0)
    package5590 (1.0.0)
    package5591 (1.0.0)
    package5592 (1.0.0)
    package5593 (1.0.0)
    package5594 (1.0.0)
    package5595 (1.0.0)
    package5596 (1.0.0)
    package5597 (1.0.0)
    package5598 (1.0.0)
    package5599 (1.0.0)
    package5600 (1.0.0)
    package5601 (1.0.0)
    package5602 (1.0.0)
    package5603 (1.0.0)
    package5604 (1.0.0)
    package5605 (1.0.0)
    package5606 (1.0.0)
    package5607 (1.0.0)
    package5608 (1.0.0)
    package5609 (1.0.0)
    package5610 (1.0.0)
    package5611 (1.0.0)
    package5612 (1.0.0)
    package5613 (1.0.0)
    package5614 (1.0.0)
    package5615 (1.0.0)
    package5616 (1.0.0)
    package5617 (1.0.0)
    package5618 (1.0.0)
    package5619 (1.0.0)
    package5620 (1.0.0)
    package5621 (1.0.0)
    package5622 (1.0.0)
    package5623 (1.0.0)
    package5624 (1.0.0)
    package5625 (1.0.0)
    package5626 (1.0.0)
    package5627 (1.0.0)
    package5628 (1.0.0)
    package5629 (1.0.0)
    package5630 (1.0.0)
    package5631 (1.0.0)
    package5632 (1.0.0)
    package5633 (1.0.0)
    package5634 (1.0.0)
    package5635 (1.0.0)
    package5636 (1.0.0)
    package5637 (1.0.0)
    package5638 (1.0.0)
    package5639 (1.0.0)
    package5640 (1.0.0)
    package5641 (1.0.0)
    package5642 (1.0.0)
    package5643 (1.0.0)
    package5644 (1.0.0)
    package5645 (1.0.0)
    package5646 (1.0.0)
    package5647 (1.0.0)
    package5648 (1.0.0)
    package5649 (1.0.0)
    package5650 (1.0.0)
    package5651 (1.0.0)
    package5652 (1.0.0)
    package5653 (1.0.0)
    package5654 (1.0.0)
    package5655 (1.0.0)
    package5656 (1.0.0)
    package5657 (1.0.0)
    package5658 (1.0.0)
    package5659 (1.0.0)
    package5660 (1.0.0)
    package5661 (1.0.0)
    package5662 (1.0.0)
    package5663 (1.0.0)
    package5664 (1.0.0)
    package5665 (1.0.0)
    package5666 (1.0.0)
    package5667 (1.0.0)
    package5668 (1.0.0)
    package5669 (1.0.0)
    package5670 (1.0.0)
    package5671 (1.0.0)
    package5672 (1.0.0)
    package5673 (1.0.0)
    package5674 (1.0.0)
    package5675 (1.0.0)
    package5676 (1.0.0)
    package5677 (1.0.0)
    package5678 (1.0.0)
    package5679 (1.0.0)
    package5680 (1.0.0)
    package5681 (1.0.0)
    package5682 (1.0.0)
    package5683 (1.0.0)
    package5684 (1.0.0)
    package5685 (1.0.0)
    package5686 (1.0.0)
    package5687 (1.0.0)
    package5688 (1.0.0)
    package5689 (1.0.0)
    package5690 (1.0.0)
    package5691 (1.0.0)
    package5692 (1.0.0)
    package5693 (1.0.0)
    package5694 (1.0.0)
    package5695 (1.0.0)
    package5696 (1.0.0)
    package5697 (1.0.0)
    package5698 (1.0.0)
    package5699 (1.0.0)
    package5700 (1.0.0)
    package5701 (1.0.0)
    package5702 (1.0.0)
    package5703 (1.0.0)
    package5704 (1.0.0)
    package5705 (1.0.0)
    package5706 (1.0.0)
    package5707 (1.0.0)
    package5708 (1.0.0)
    package5709 (1.0.0)
    package5710 (1.0.0)
    package5711 (1.0.0)
    package5712 (1.0.0)
    package5713 (1.0.0)
    package5714 (1.0.0)
    package5715 (1.0.0)
    package5716 (1.0.0)
    package5717 (1.0.0)
    package5718 (1.0.0)
    package5719 (1.0.0)
    package5720 (1.0.0)
    package5721 (1.0.0)
    package5722 (1.0.0)
    package5723 (1.0.0)
    package5724 (1.0.0)
    package5725 (1.0.0)
    package5726 (1.0.0)
    package5727 (1.0.0)
    package5728 (1.0.0)
    package5729 (1.0.0)
    package5730 (1.0.0)
    package5731 (1.0.0)
    package5732 (1.0.0)
    package5733 (1.0.0)
    package5734 (1.0.0)
    package5735 (1.0.0)
    package5736 (1.0.0)
    package5737 (1.0.0)
    package5738 (1.0.0)
    package5739 (1.0.0)
    package5740 (1.0.0)
    package5741 (1.0.0)
    package5742 (1.0.0)
    package5743 (1.0.0)
    package5744 (1.0.0)
    package5745 (1.0.0)
    package5746 (1.0.0)
    package5747 (1.0.0)
    package5748 (1.0.0)
    package5749 (1.0.0)
    package5750 (1.0.0)
    package5751 (1.0.0)
    package5752 (1.0.0)
    package5753 (1.0.0)
    package5754 (1.0.0)
    package5755 (1.0.0)
    package5756 (1.0.0)
    package5757 (1.0.0)
    package5758 (1.0.0)
    package5759 (1.0.0)
    package5760 (1.0.0)
    package5761 (1.0.0)
    package5762 (1.0.0)
    package5763 (1.0.0)
    package5764 (1.0.0)
    package5765 (1.0.0)
    package5766 (1.0.0)
    package5767 (1.0.0)
    package5768 (1.0.0)
    package5769 (1.0.0)
    package5770 (1.0.0)
    package5771 (1.0.0)
    package5772 (1.0.0)
    package5773 (1.0.0)
    package5774 (1.0.0)
    package5775 (1.0.0)
    package5776 (1.0.0)
    package5777 (1.0.0)
    package5778 (1.0.0)
    package5779 (1.0.0)
    package5780 (1.0.0)
    package5781 (1.0.0)
    package5782 (1.0.0)
    package5783 (1.0.0)
    package5784 (1.0.0)
    package5785 (1.0.0)
    package5786 (1.0.0)
    package5787 (1.0.0)
    package5788 (1.0.0)
    package5789 (1.0.0)
    package5790 (1.0.0)
    package5791 (1.0.0)
    package5792 (1.0.0)
    package5793 (1.0.0)
    package5794 (1.0.0)
    package5795 (1.0.0)
    package5796 (1.0.0)
    package5797 (1.0.0)
    package5798 (1.0.0)
    package5799 (1.0.0)
    package5800 (1.0.0)
    package5801 (1.0.0)
    package5802 (1.0.0)
    package5803 (1.0.0)
    package5804 (1.0.0)
    package5805 (1.0.0)
    package5806 (1.0.0)
    package5807 (1.0.0)
    package5808 (1.0.0)
    package5809 (1.0.0)
    package5810 (1.0.0)
    package5811 (1.0.0)
    package5812 (1.0.0)
    package5813 (1.0.0)
    package5814 (1.0.0)
    package5815 (1.0.0)
    package5816 (1.0.0)
    package5817 (1.0.0)
    package5818 (1.0.0)
    package5819 (1.0.0)
    package5820 (1.0.0)
    package5821 (1.0.0)
    package5822 (1.0.0)
    package5823 (1.0.0)
    package5824 (1.0.0)
    package5825 (1.0.0)
    package5826 (1.0.0)
    package5827 (1.0.0)
    package5828 (1.0.0)
    package5829 (1.0.0)
    package5830 (1.0.0)
    package5831 (1.0.0)
    package5832 (1.0.0)
    package5833 (1.0.0)
    package5834 (1.0.0)
    package5835 (1.0.0)
    package5836 (1.0.0)
    package5837 (1.0.0)
    package5838 (1.0.0)
    package5839 (1.0.0)
    package5840 (1.0.0)
    package5841 (1.0.0)
    package5842 (1.0.0)
    package5843 (1.0.0)
    package5844 (1.0.0)
    package5845 (1.0.0)
    package5846 (1.0.0)
    package5847 (1.0.0)
    package5848 (1.0.0)
    package5849 (1.0.0)
    package5850 (1.0.0)
    package5851 (1.0.0)
    package5852 (1.0.0)
    package5853 (1.0.0)
    package5854 (1.0.0)
    package5855 (1.0.0)
    package5856 (1.0.0)
    package5857 (1.0.0)
    package5858 (1.0.0)
    package5859 (1.0.0)
    package5860 (1.0.0)
    package5861 (1.0.0)
    package5862 (1.0.0)
    package5863 (1.0.0)
    package5864 (1.0.0)
    package5865 (1.0.0)
    package5866 (1.0.0)
    package5867 (1.0.0)
    package5868 (1.0.0)
    package5869 (1.0.0)
    package5870 (1.0.0)
    package5871 (1.0.0)
    package5872 (1.0.0)
    package5873 (1.0.0)
    package5874 (1.0.0)
    package5875 (1.0.0)
    package5876 (1.0.0)
    package5877 (1.0.0)
    package5878 (1.0.0)
    package5879 (1.0.0)
    package5880 (1.0.0)
    package5881 (1.0.0)
    package5882 (1.0.0)
    package5883 (1.0.0)
    package5884 (1.0.0)
    package5885 (1.0.0)
    package5886 (1.0.0)
    package5887 (1.0.0)
    package5888 (1.0.0)
    package5889 (1.0.0)
    package5890 (1.0.0)
    package5891 (1.0.0)
    package5892 (1.0.0)
    package5893 (1.0.0)
    package5894 (1.0.0)
    package5895 (1.0.0)
    package5896 (1.0.0)
    package5897 (1.0.0)
    package5898 (1.0.0)
    package5899 (1.0.0)
    package5900 (1.0.0)
    package5901 (1.0.0)
    package5902 (1.0.0)
    package5903 (1.0.0)
    package5904 (1.0.0)
    package5905 (1.0.0)
    package5906 (1.0.0)
    package5907 (1.0.0)
    package5908 (1.0.0)
    package5909 (1.0.0)
    package5910 (1.0.0)
    package5911 (1.0.0)
    package5912 (1.0.0)
    package5913 (1.0.0)
    package5914 (1.0.0)
    package5915 (1.0.0)
    package5916 (1.0.0)
    package5917 (1.0.0)
    package5918 (1.0.0)
    package5919 (1.0.0)
    package5920 (1.0.0)
    package5921 (1.0.0)
    package5922 (1.0.0)
    package5923 (1.0.0)
    package5924 (1.0.0)
    package5925 (1.0.0)
    package5926 (1.0.0)
    package5927 (1.0.0)
    package5928 (1.0.0)
    package5929 (1.0.0)
    package5930 (1.0.0)
    package5931 (1.0.0)
    package5932 (1.0.0)
    package5933 (1.0.0)
    package5934 (1.0.0)
    package5935 (1.0.0)
    package5936 (1.0.0)
    package5937 (1.0.0)
    package5938 (1.0.0)
    package5939 (1.0.0)
    package5940 (1.0.0)
    package5941 (1.0.0)
    package5942 (1.0.0)
    package5943 (1.0.0)
    package5944 (1.0.0)
    package5945 (1.0.0)
    package5946 (1.0.0)
    package5947 (1.0.0)
    package5948 (1.0.0)
    package5949 (1.0.0)
    package5950 (1.0.0)
    package5951 (1.0.0)
    package5952 (1.0.0)
    package5953 (1.0.0)
    package5954 (1.0.0)
    package5955 (1.0.0)
    package5956 (1.0.0)
    package5957 (1.0.0)
    package5958 (1.0.0)
    package5959 (1.0.0)
    package5960 (1.0.0)
    package5961 (1.0.0)
    package5962 (1.0.0)
    package5963 (1.0.0)
    package5964 (1.0.0)
    package5965 (1.0.0)
    package5966 (1.0.0)
    package5967 (1.0.0)
    package5968 (1.0.0)
    package5969 (1.0.0)
    package5970 (1.0.0)
    package5971 (1.0.0)
    package5972 (1.0.0)
    package5973 (1.0.0)
    package5974 (1.0.0)
    package5975 (1.0.0)
    package5976 (1.0.0)
    package5977 (1.0.0)
    package5978 (1.0.0)
    package5979 (1.0.0)
    package5980 (1.0.0)
    package5981 (1.0.0)
    package5982 (1.0.0)
    package5983 (1.0.0)
    package5984 (1.0.0)
    package5985 (1.0.0)
    package5986 (1.0.0)
    package5987 (1.0.0)
    package5988 (1.0.0)
    package5989 (1.0.0)
    package5990 (1.0.0)
    package5991 (1.0.0)
    package5992 (1.0.0)
    package5993 (1.0.0)
    package5994 (1.0.0)
    package5995 (1.0.0)
    package5996 (1.0.0)
    package5997 (1.0.0)
    package5998 (1.0.0)
    package5999 (1.0.0)
    package6000 (1.0.0)
    package6001 (1.0.0)
    package6002 (1.0.0)
    package6003 (1.0.0)
    package6004 (1.0.0)
    package6005 (1.0.0)
    package6006 (1.0.0)
    package6007 (1.0.0)
    package6008 (1.0.0)
    package6009 (1.0.0)
    package6010 (1.0.0)
    package6011 (1.0.0)
    package6012 (1.0.0)
    package6013 (1.0.0)
    package6014 (1.0.0)
    package6015 (1.0.0)
    package6016 (1.0.0)
    package6017 (1.0.0)
    package6018 (1.0.0)
    package6019 (1.0.0)
    package6020 (1.0.0)
    package6021 (1.0.0)
    package6022 (1.0.0)
    package6023 (1.0.0)
    package6024 (1.0.0)
    package6025 (1.0.0)
    package6026 (1.0.0)
    package6027 (1.0.0)
    package6028 (1.0.0)
    package6029 (1.0.0)
    package6030 (1.0.0)
    package6031 (1.0.0)
    package6032 (1.0.0)
    package6033 (1.0.0)
    package6034 (1.0.0)
    package6035 (1.0.0)
    package6036 (1.0.0)
    package6037 (1.0.0)
    package6038 (1.0.0)
    package6039 (1.0.0)
    package6040 (1.0.0)
    package6041 (1.0.0)
    package6042 (1.0.0)
    package6043 (1.0.0)
    package6044 (1.0.0)
    package6045 (1.0.0)
    package6046 (1.0.0)
    package6047 (1.0.0)
    package6048 (1.0.0)
    package6049 (1.0.0)
    package6050 (1.0.0)
    package6051 (1.0.0)
    package6052 (1.0.0)
    package6053 (1.0.0)
    package6054 (1.0.0)
    package6055 (1.0.0)
    package6056 (1.0.0)
    package6057 (1.0.0)
    package6058 (1.0.0)
    package6059 (1.0.0)
    package6060 (1.0.0)
    package6061 (1.0.0)
    package6062 (1.0.0)
    package6063 (1.0.0)
    package6064 (1.0.0)
    package6065 (1.0.0)
    package6066 (1.0.0)
    package6067 (1.0.0)
    package6068 (1.0.0)
    package6069 (1.0.0)
    package6070 (1.0.0)
    package6071 (1.0.0)
    package6072 (1.0.0)
    package6073 (1.0.0)
    package6074 (1.0.0)
    package6075 (1.0.0)
    package6076 (1.0.0)
    package6077 (1.0.0)
    package6078 (1.0.0)
    package6079 (1.0.0)
    package6080 (1.0.0)
    package6081 (1.0.0)
    package6082 (1.0.0)
    package6083 (1.0.0)
    package6084 (1.0.0)
    package6085 (1.0.0)
    package6086 (1.0.0)
    package6087 (1.0.0)
    package6088 (1.0.0)
    package6089 (1.0.0)
    package6090 (1.0.0)
    package6091 (1.0.0)
    package6092 (1.0.0)
    package6093 (1.0.0)
    package6094 (1.0.0)
    package6095 (1.0.0)
    package6096 (1.0.0)
    package6097 (1.0.0)
    package6098 (1.0.0)
    package6099 (1.0.0)
    package6100 (1.0.0)
    package6101 (1.0.0)
    package6102 (1.0.0)
    package6103 (1.0.0)
    package6104 (1.0.0)
    package6105 (1.0.0)
    package6106 (1.0.0)
    package6107 (1.0.0)
    package6108 (1.0.0)
    package6109 (1.0.0)
    package6110 (1.0.0)
    package6111 (1.0.0)
    package6112 (1.0.0)
    package6113 (1.0.0)
    package6114 (1.0.0)
    package6115 (1.0.0)
    package6116 (1.0.0)
    package6117 (1.0.0)
    package6118 (1.0.0)
    package6119 (1.0.0)
    package6120 (1.0.0)
    package6121 (1.0.0)
    package6122 (1.0.0)
    package6123 (1.0.0)
    package6124 (1.0.0)
    package6125 (1.0.0)
    package6126 (1.0.0)
    package6127 (1.0.0)
    package6128 (1.0.0)
    package6129 (1.0.0)
    package6130 (1.0.0)
    package6131 (1.0.0)
    package6132 (1.0.0)
    package6133 (1.0.0)
    package6134 (1.0.0)
    package6135 (1.0.0)
    package6136 (1.0.0)
    package6137 (1.0.0)
    package6138 (1.0.0)
    package6139 (1.0.0)
    package6140 (1.0.0)
    package6141 (1.0.0)
    package6142 (1.0.0)
    package6143 (1.0.0)
    package6144 (1.0.0)
    package6145 (1.0.0)
    package6146 (1.0.0)
    package6147 (1.0.0)
    package6148 (1.0.0)
    package6149 (1.0.0)
    package6150 (1.0.0)
    package6151 (1.0.0)
    package6152 (1.0.0)
    package6153 (1.0.0)
    package6154 (1.0.0)
    package6155 (1.0.0)
    package6156 (1.0.0)
    package6157 (1.0.0)
    package6158 (1.0.0)
    package6159 (1.0.0)
    package6160 (1.0.0)
    package6161 (1.0.0)
    package6162 (1.0.0)
    package6163 (1.0.0)
    package6164 (1.0.0)
    package6165 (1.0.0)
    package6166 (1.0.0)
    package6167 (1.0.0)
    package6168 (1.0.0)
    package6169 (1.0.0)
    package6170 (1.0.0)
    package6171 (1.0.0)
    package6172 (1.0.0)
    package6173 (1.0.0)
    package6174 (1.0.0)
    package6175 (1.0.0)
    package6176 (1.0.0)
    package6177 (1.0.0)
    package6178 (1.0.0)
    package6179 (1.0.0)
    package6180 (1.0.0)
    package6181 (1.0.0)
    package6182 (1.0.0)
    package6183 (1.0.0)
    package6184 (1.0.0)
    package6185 (1.0.0)
    package6186 (1.0.0)
    package6187 (1.0.0)
    package6188 (1.0.0)
    package6189 (1.0.0)
    package6190 (1.0.0)
    package6191 (1.0.0)
    package6192 (1.0.0)
    package6193 (1.0.0)
    package6194 (1.0.0)
    package6195 (1.0.0)
    package6196 (1.0.0)
    package6197 (1.0.0)
    package6198 (1.0.0)
    package6199 (1.0.0)
    package6200 (1.0.0)
    package6201 (1.0.0)
    package6202 (1.0.0)
    package6203 (1.0.0)
    package6204 (1.0.0)
    package6205 (1.0.0)
    package6206 (1.0.0)
    package6207 (1.0.0)
    package6208 (1.0.0)
    package6209 (1.0.0)
    package6210 (1.0.0)
    package6211 (1.0.0)
    package6212 (1.0.0)
    package6213 (1.0.0)
    package6214 (1.0.0)
    package6215 (1.0.0)
    package6216 (1.0.0)
    package6217 (1.0.0)
    package6218 (1.0.0)
    package6219 (1.0.0)
    package6220 (1.0.0)
    package6221 (1.0.0)
    package6222 (1.0.0)
    package6223 (1.0.0)
    package6224 (1.0.0)
    package6225 (1.0.0)
    package6226 (1.0.0)
    package6227 (1.0.0)
    package6228 (1.0.0)
    package6229 (1.0.0)
    package6230 (1.0.0)
    package6231 (1.0.0)
    package6232 (1.0.0)
    package6233 (1.0.0)
    package6234 (1.0.0)
    package6235 (1.0.0)
    package6236 (1.0.0)
    package6237 (1.0.0)
    package6238 (1.0.0)
    package6239 (1.0.0)
    package6240 (1.0.0)
    package6241 (1.0.0)
    package6242 (1.0.0)
    package6243 (1.0.0)
    package6244 (1.0.0)
    package6245 (1.0.0)
    package6246 (1.0.0)
    package6247 (1.0.0)
    package6248 (1.0.0)
    package6249 (1.0.0)
    package6250 (1.0.0)
    package6251 (1.0.0)
    package6252 (1.0.0)
    package6253 (1.0.0)
    package6254 (1.0.0)
    package6255 (1.0.0)
    package6256 (1.0.0)
    package6257 (1.0.0)
    package6258 (1.0.0)
    package6259 (1.0.0)
    package6260 (1.0.0)
    package6261 (1.0.0)
    package6262 (1.0.0)
    package6263 (1.0.0)
    package6264 (1.0.0)
    package6265 (1.0.0)
    package6266 (1.0.0)
    package6267 (1.0.0)
    package6268 (1.0.0)
    package6269 (1.0.0)
    package6270 (1.0.0)
    package6271 (1.0.0)
    package6272 (1.0.0)
    package6273 (1.0.0)
    package6274 (1.0.0)
    package6275 (1.0.0)
    package6276 (1.0.0)
    package6277 (1.0.0)
    package6278 (1.0.0)
    package6279 (1.0.0)
    package6280 (1.0.0)
    package6281 (1.0.0)
    package6282 (1.0.0)
    package6283 (1.0.0)
    package6284 (1.0.0)
    package6285 (1.0.0)
    package6286 (1.0.0)
    package6287 (1.0.0)
    package6288 (1.0.0)
    package6289 (1.0.0)
    package6290 (1.0.0)
    package6291 (1.0.0)
    package6292 (1.0.0)
    package6293 (1.0.0)
    package6294 (1.0.0)
    package6295 (1.0.0)
    package6296 (1.0.0)
    package6297 (1.0.0)
    package6298 (1.0.0)
    package6299 (1.0.0)
    package6300 (1.0.0)
    package6301 (1.0.0)
    package6302 (1.0.0)
    package6303 (1.0.0)
    package6304 (1.0.0)
    package6305 (1.0.0)
    package6306 (1.0.0)
    package6307 (1.0.0)
    package6308 (1.0.0)
    package6309 (1.0.0)
    package6310 (1.0.0)
    package6311 (1.0.0)
    package6312 (1.0.0)
    package6313 (1.0.0)
    package6314 (1.0.0)
    package6315 (1.0.0)
    package6316 (1.0.0)
    package6317 (1.0.0)
    package6318 (1.0.0)
    package6319 (1.0.0)
    package6320 (1.0.0)
    package6321 (1.0.0)
    package6322 (1.0.0)
    package6323 (1.0.0)
    package6324 (1.0.0)
    package6325 (1.0.0)
    package6326 (1.0.0)
    package6327 (1.0.0)
    package6328 (1.0.0)
    package6329 (1.0.0)
    package6330 (1.0.0)
    package6331 (1.0.0)
    package6332 (1.0.0)
    package6333 (1.0.0)
    package6334 (1.0.0)
    package6335 (1.0.0)
    package6336 (1.0.0)
    package6337 (1.0.0)
    package6338 (1.0.0)
    package6339 (1.0.0)
    package6340 (1.0.0)
    package6341 (1.0.0)
    package6342 (1.0.0)
    package6343 (1.0.0)
    package6344 (1.0.0)
    package6345 (1.0.0)
    package6346 (1.0.0)
    package6347 (1.0.0)
    package6348 (1.0.0)
    package6349 (1.0.0)
    package6350 (1.0.0)
    package6351 (1.0.0)
    package6352 (1.0.0)
    package6353 (1.0.0)
    package6354 (1.0.0)
    package6355 (1.0.0)
    package6356 (1.0.0)
    package6357 (1.0.0)
    package6358 (1.0.0)
    package6359 (1.0.0)
    package6360 (1.0.0)
    package6361 (1.0.0)
    package6362 (1.0.0)
    package6363 (1.0.0)
    package6364 (1.0.0)
    package6365 (1.0.0)
    package6366 (1.0.0)
    package6367 (1.0.0)
    package6368 (1.0.0)
    package6369 (1.0.0)
    package6370 (1.0.0)
    package6371 (1.0.0)
    package6372 (1.0.0)
    package6373 (1.0.0)
    package6374 (1.0.0)
    package6375 (1.0.0)
    package6376 (1.0.0)
    package6377 (1.0.0)
    package6378 (1.0.0)
    package6379 (1.0.0)
    package6380 (1.0.0)
    package6381 (1.0.0)
    package6382 (1.0.0)
    package6383 (1.0.0)
    package6384 (1.0.0)
    package6385 (1.0.0)
    package6386 (1.0.0)
    package6387 (1.0.0)
    package6388 (1.0.0)
    package6389 (1.0.0)
    package6390 (1.0.0)
    package6391 (1.0.0)
    package6392 (1.0.0)
    package6393 (1.0.0)
    package6394 (1.0.0)
    package6395 (1.0.0)
    package6396 (1.0.0)
    package6397 (1.0.0)
    package6398 (1.0.0)
    package6399 (1.0.0)
    package6400 (1.0.0)
    package6401 (1.0.0)
    package6402 (1.0.0)
    package6403 (1.0.0)
    package6404 (1.0.0)
    package6405 (1.0.0)
    package6406 (1.0.0)
    package6407 (1.0.0)
    package6408 (1.0.0)
    package6409 (1.0.0)
    package6410 (1.0.0)
    package6411 (1.0.0)
    package6412 (1.0.0)
    package6413 (1.0.0)
    package6414 (1.0.0)
    package6415 (1.0.0)
    package6416 (1.0.0)
    package6417 (1.0.0)
    package6418 (1.0.0)
    package6419 (1.0.0)
    package6420 (1.0.0)
    package6421 (1.0.0)
    package6422 (1.0.0)
    package6423 (1.0.0)
    package6424 (1.0.0)
    package6425 (1.0.0)
    package6426 (1.0.0)
    package6427 (1.0.0)
    package6428 (1.0.0)
    package6429 (1.0.0)
    package6430 (1.0.0)
    package6431 (1.0.0)
    package6432 (1.0.0)
    package6433 (1.0.0)
    package6434 (1.0.0)
    package6435 (1.0.0)
    package6436 (1.0.0)
    package6437 (1.0.0)
    package6438 (1.0.0)
    package6439 (1.0.0)
    package6440 (1.0.0)
    package6441 (1.0.0)
    package6442 (1.0.0)
    package6443 (1.0.0)
    package6444 (1.0.0)
    package6445 (1.0.0)
    package6446 (1.0.0)
    package6447 (1.0.0)
    package6448 (1.0.0)
    package6449 (1.0.0)
    package6450 (1.0.0)
    package6451 (1.0.0)
    package6452 (1.0.0)
    package6453 (1.0.0)
    package6454 (1.0.0)
    package6455 (1.0.0)
    package6456 (1.0.0)
    package6457 (1.0.0)
    package6458 (1.0.0)
    package6459 (1.0.0)
    package6460 (1.0.0)
    package6461 (1.0.0)
    package6462 (1.0.0)
    package6463 (1.0.0)
    package6464 (1.0.0)
    package6465 (1.0.0)
    package6466 (1.0.0)
    package6467 (1.0.0)
    package6468 (1.0.0)
    package6469 (1.0.0)
    package6470 (1.0.0)
    package6471 (1.0.0)
    package6472 (1.0.0)
    package6473 (1.0.0)
    package6474 (1.0.0)
    package6475 (1.0.0)
    package6476 (1.0.0)
    package6477 (1.0.0)
    package6478 (1.0.0)
    package6479 (1.0.0)
    package6480 (1.0.0)
    package6481 (1.0.0)
    package6482 (1.0.0)
    package6483 (1.0.0)
    package6484 (1.0.0)
    package6485 (1.0.0)
    package6486 (1.0.0)
    package6487 (1.0.0)
    package6488 (1.0.0)
    package6489 (1.0.0)
    package6490 (1.0.0)
    package6491 (1.0.0)
    package6492 (1.0.0)
    package6493 (1.0.0)
    package6494 (1.0.0)
    package6495 (1.0.0)
    package6496 (1.0.0)
    package6497 (1.0.0)
    package6498 (1.0.0)
    package6499 (1.0.0)
    package6500 (1.0.0)
    package6501 (1.0.0)
    package6502 (1.0.0)
    package6503 (1.0.0)
    package6504 (1.0.0)
    package6505 (1.0.0)
    package6506 (1.0.0)
    package6507 (1.0.0)
    package6508 (1.0.0)
    package6509 (1.0.0)
    package6510 (1.0.0)
    package6511 (1.0.0)
    package6512 (1.0.0)
    package6513 (1.0.0)
    package6514 (1.0.0)
    package6515 (1.0.0)
    package6516 (1.0.0)
    package6517 (1.0.0)
    package6518 (1.0.0)
    package6519 (1.0.0)
    package6520 (1.0.0)
    package6521 (1.0.0)
    package6522 (1.0.0)
    package6523 (1.0.0)
    package6524 (1.0.0)
    package6525 (1.0.0)
    package6526 (1.0.0)
    package6527 (1.0.0)
    package6528 (1.0.0)
    package6529 (1.0.0)
    package6530 (1.0.0)
    package6531 (1.0.0)
    package6532 (1.0.0)
    package6533 (1.0.0)
    package6534 (1.0.0)
    package6535 (1.0.0)
    package6536 (1.0.0)
    package6537 (1.0.0)
    package6538 (1.0.0)
    package6539 (1.0.0)
    package6540 (1.0.0)
    package6541 (1.0.0)
    package6542 (1.0.0)
    package6543 (1.0.0)
    package6544 (1.0.0)
    package6545 (1.0.0)
    package6546 (1.0.0)
    package6547 (1.0.0)
    package6548 (1.0.0)
    package6549 (1.0.0)
    package6550 (1.0.0)
    package6551 (1.0.0)
    package6552 (1.0.0)
    package6553 (1.0.0)
    package6554 (1.0.0)
    package6555 (1.0.0)
    package6556 (1.0.0)
    package6557 (1.0.0)
    package6558 (1.0.0)
    package6559 (1.0.0)
    package6560 (1.0.0)
    package6561 (1.0.0)
    package6562 (1.0.0)
    package6563 (1.0.0)
    package6564 (1.0.0)
    package6565 (1.0.0)
    package6566 (1.0.0)
    package6567 (1.0.0)
    package6568 (1.0.0)
    package6569 (1.0.0)
    package6570 (1.0.0)
    package6571 (1.0.0)
    package6572 (1.0.0)
    package6573 (1.0.0)
    package6574 (1.0.0)
    package6575 (1.0.0)
    package6576 (1.0.0)
    package6577 (1.0.0)
    package6578 (1.0.0)
    package6579 (1.0.0)
    package6580 (1.0.0)
    package6581 (1.0.0)
    package6582 (1.0.0)
    package6583 (1.0.0)
    package6584 (1.0.0)
    package6585 (1.0.0)
    package6586 (1.0.0)
    package6587 (1.0.0)
    package6588 (1.0.0)
    package6589 (1.0.0)
    package6590 (1.0.0)
    package6591 (1.0.0)
    package6592 (1.0.0)
    package6593 (1.0.0)
    package6594 (1.0.0)
    package6595 (1.0.0)
    package6596 (1.0.0)
    package6597 (1.0.0)
    package6598 (1.0.0)
    package6599 (1.0.0)
    package6600 (1.0.0)
    package6601 (1.0.0)
    package6602 (1.0.0)
    package6603 (1.0.0)
    package6604 (1.0.0)
    package6605 (1.0.0)
    package6606 (1.0.0)
    package6607 (1.0.0)
    package6608 (1.0.0)
    package6609 (1.0.0)
    package6610 (1.0.0)
    package6611 (1.0.0)
    package6612 (1.0.0)
    package6613 (1.0.0)
    package6614 (1.0.0)
    package6615 (1.0.0)
    package6616 (1.0.0)
    package6617 (1.0.0)
    package6618 (1.0.0)
    package6619 (1.0.0)
    package6620 (1.0.0)
    package6621 (1.0.0)
    package6622 (1.0.0)
    package6623 (1.0.0)
    package6624 (1.0.0)
    package6625 (1.0.0)
    package6626 (1.0.0)
    package6627 (1.0.0)
    package6628 (1.0.0)
    package6629 (1.0.0)
    package6630 (1.0.0)
    package6631 (1.0.0)
    package6632 (1.0.0)
    package6633 (1.0.0)
    package6634 (1.0.0)
    package6635 (1.0.0)
    package6636 (1.0.0)
    package6637 (1.0.0)
    package6638 (1.0.0)
    package6639 (1.0.0)
    package6640 (1.0.0)
    package6641 (1.0.0)
    package6642 (1.0.0)
    package6643 (1.0.0)
    package6644 (1.0.0)
    package6645 (1.0.0)
    package6646 (1.0.0)
    package6647 (1.0.0)
    package6648 (1.0.0)
    package6649 (1.0.0)
    package6650 (1.0.0)
    package6651 (1.0.0)
    package6652 (1.0.0)
    package6653 (1.0.0)
    package6654 (1.0.0)
    package6655 (1.0.0)
    package6656 (1.0.0)
    package6657 (1.0.0)
    package6658 (1.0.0)
    package6659 (1.0.0)
    package6660 (1.0.0)
    package6661 (1.0.0)
    package6662 (1.0.0)
    package6663 (1.0.0)
    package6664 (1.0.0)
    package6665 (1.0.0)
    package6666 (1.0.0)
    package6667 (1.0.0)
    package6668 (1.0.0)
    package6669 (1.0.0)
    package6670 (1.0.0)
    package6671 (1.0.0)
    package6672 (1.0.0)
    package6673 (1.0.0)
    package6674 (1.0.0)
    package6675 (1.0.0)
    package6676 (1.0.0)
    package6677 (1.0.0)
    package6678 (1.0.0)
    package6679 (1.0.0)
    package6680 (1.0.0)
    package6681 (1.0.0)
    package6682 (1.0.0)
    package6683 (1.0.0)
    package6684 (1.0.0)
    package6685 (1.0.0)
    package6686 (1.0.0)
    package6687 (1.0.0)
    package6688 (1.0.0)
    package6689 (1.0.0)
    package6690 (1.0.0)
    package6691 (1.0.0)
    package6692 (1.0.0)
    package6693 (1.0.0)
    package6694 (1.0.0)
    package6695 (1.0.0)
    package6696 (1.0.0)
    package6697 (1.0.0)
    package6698 (1.0.0)
    package6699 (1.0.0)
    package6700 (1.0.0)
    package6701 (1.0.0)
    package6702 (1.0.0)
    package6703 (1.0.0)
    package6704 (1.0.0)
    package6705 (1.0.0)
    package6706 (1.0.0)
    package6707 (1.0.0)
    package6708 (1.0.0)
    package6709 (1.0.0)
    package6710 (1.0.0)
    package6711 (1.0.0)
    package6712 (1.0.0)
    package6713 (1.0.0)
    package6714 (1.0.0)
    package6715 (1.0.0)
    package6716 (1.0.0)
    package6717 (1.0.0)
    package6718 (1.0.0)
    package6719 (1.0.0)
    package6720 (1.0.0)
    package6721 (1.0.0)
    package6722 (1.0.0)
    package6723 (1.0.0)
    package6724 (1.0.0)
    package6725 (1.0.0)
    package6726 (1.0.0)
    package6727 (1.0.0)
    package6728 (1.0.0)
    package6729 (1.0.0)
    package6730 (1.0.0)
    package6731 (1.0.0)
    package6732 (1.0.0)
    package6733 (1.0.0)
    package6734 (1.0.0)
    package6735 (1.0.0)
    package6736 (1.0.0)
    package6737 (1.0.0)
    package6738 (1.0.0)
    package6739 (1.0.0)
    package6740 (1.0.0)
    package6741 (1.0.0)
    package6742 (1.0.0)
    package6743 (1.0.0)
    package6744 (1.0.0)
    package6745 (1.0.0)
    package6746 (1.0.0)
    package6747 (1.0.0)
    package6748 (1.0.0)
    package6749 (1.0.0)
    package6750 (1.0.0)
    package6751 (1.0.0)
    package6752 (1.0.0)
    package6753 (1.0.0)
    package6754 (1.0.0)
    package6755 (1.0.0)
    package6756 (1.0.0)
    package6757 (1.0.0)
    package6758 (1.0.0)
    package6759 (1.0.0)
    package6760 (1.0.0)
    package6761 (1.0.0)
    package6762 (1.0.0)
    package6763 (1.0.0)
    package6764 (1.0.0)
    package6765 (1.0.0)
    package6766 (1.0.0)
    package6767 (1.0.0)
    package6768 (1.0.0)
    package6769 (1.0.0)
    package6770 (1.0.0)
    package6771 (1.0.0)
    package6772 (1.0.0)
    package6773 (1.0.0)
    package6774 (1.0.0)
    package6775 (1.0.0)
    package6776 (1.0.0)
    package6777 (1.0.0)
    package6778 (1.0.0)
    package6779 (1.0.0)
    package6780 (1.0.0)
    package6781 (1.0.0)
    package6782 (1.0.0)
    package6783 (1.0.0)
    package6784 (1.0.0)
    package6785 (1.0.0)
    package6786 (1.0.0)
    package6787 (1.0.0)
    package6788 (1.0.0)
    package6789 (1.0.0)
    package6790 (1.0.0)
    package6791 (1.0.0)
    package6792 (1.0.0)
    package6793 (1.0.0)
    package6794 (1.0.0)
    package6795 (1.0.0)
    package6796 (1.0.0)
    package6797 (1.0.0)
    package6798 (1.0.0)
    package6799 (1.0.0)
    package6800 (1.0.0)
    package6801 (1.0.0)
    package6802 (1.0.0)
    package6803 (1.0.0)
    package6804 (1.0.0)
    package6805 (1.0.0)
    package6806 (1.0.0)
    package6807 (1.0.0)
    package6808 (1.0.0)
    package6809 (1.0.0)
    package6810 (1.0.0)
    package6811 (1.0.0)
    package6812 (1.0.0)
    package6813 (1.0.0)
    package6814 (1.0.0)
    package6815 (1.0.0)
    package6816 (1.0.0)
    package6817 (1.0.0)
    package6818 (1.0.0)
    package6819 (1.0.0)
    package6820 (1.0.0)
    package6821 (1.0.0)
    package6822 (1.0.0)
    package6823 (1.0.0)
    package6824 (1.0.0)
    package6825 (1.0.0)
    package6826 (1.0.0)
    package6827 (1.0.0)
    package6828 (1.0.0)
    package6829 (1.0.0)
    package6830 (1.0.0)
    package6831 (1.0.0)
    package6832 (1.0.0)
    package6833 (1.0.0)
    package6834 (1.0.0)
    package6835 (1.0.0)
    package6836 (1.0.0)
    package6837 (1.0.0)
    package6838 (1.0.0)
    package6839 (1.0.0)
    package6840 (1.0.0)
    package6841 (1.0.0)
    package6842 (1.0.0)
    package6843 (1.0.0)
    package6844 (1.0.0)
    package6845 (1.0.0)
    package6846 (1.0.0)
    package6847 (1.0.0)
    package6848 (1.0.0)
    package6849 (1.0.0)
    package6850 (1.0.0)
    package6851 (1.0.0)
    package6852 (1.0.0)
    package6853 (1.0.0)
    package6854 (1.0.0)
    package6855 (1.0.0)
    package6856 (1.0.0)
    package6857 (1.0.0)
    package6858 (1.0.0)
    package6859 (1.0.0)
    package6860 (1.0.0)
    package6861 (1.0.0)
    package6862 (1.0.0)
    package6863 (1.0.0)
    package6864 (1.0.0)
    package6865 (1.0.0)
    package6866 (1.0.0)
    package6867 (1.0.0)
    package6868 (1.0.0)
    package6869 (1.0.0)
    package6870 (1.0.0)
    package6871 (1.0.0)
    package6872 (1.0.0)
    package6873 (1.0.0)
    package6874 (1.0.0)
    package6875 (1.0.0)
    package6876 (1.0.0)
    package6877 (1.0.0)
    package6878 (1.0.0)
    package6879 (1.0.0)
    package6880 (1.0.0)
    package6881 (1.0.0)
    package6882 (1.0.0)
    package6883 (1.0.0)
    package6884 (1.0.0)
    package6885 (1.0.0)
    package6886 (1.0.0)
    package6887 (1.0.0)
    package6888 (1.0.0)
    package6889 (1.0.0)
    package6890 (1.0.0)
    package6891 (1.0.0)
    package6892 (1.0.0)
    package6893 (1.0.0)
    package6894 (1.0.0)
    package6895 (1.0.0)
    package6896 (1.0.0)
    package6897 (1.0.0)
    package6898 (1.0.0)
    package6899 (1.0.0)
    package6900 (1.0.0)
    package6901 (1.0.0)
    package6902 (1.0.0)
    package6903 (1.0.0)
    package6904 (1.0.0)
    package6905 (1.0.0)
    package6906 (1.0.0)
    package6907 (1.0.0)
    package6908 (1.0.0)
    package6909 (1.0.0)
    package6910 (1.0.0)
    package6911 (1.0.0)
    package6912 (1.0.0)
    package6913 (1.0.0)
    package6914 (1.0.0)
    package6915 (1.0.0)
    package6916 (1.0.0)
    package6917 (1.0.0)
    package6918 (1.0.0)
    package6919 (1.0.0)
    package6920 (1.0.0)
    package6921 (1.0.0)
    package6922 (1.0.0)
    package6923 (1.0.0)
    package6924 (1.0.0)
    package6925 (1.0.0)
    package6926 (1.0.0)
    package6927 (1.0.0)
    package6928 (1.0.0)
    package6929 (1.0.0)
    package6930 (1.0.0)
    package6931 (1.0.0)
    package6932 (1.0.0)
    package6933 (1.0.0)
    package6934 (1.0.0)
    package6935 (1.0.0)
    package6936 (1.0.0)
    package6937 (1.0.0)
    package6938 (1.0.0)
    package6939 (1.0.0)
    package6940 (1.0.0)
    package6941 (1.0.0)
    package6942 (1.0.0)
    package6943 (1.0.0)
    package6944 (1.0.0)
    package6945 (1.0.0)
    package6946 (1.0.0)
    package6947 (1.0.0)
    package6948 (1.0.0)
    package6949 (1.0.0)
    package6950 (1.0.0)
    package6951 (1.0.0)
    package6952 (1.0.0)
    package6953 (1.0.0)
    package6954 (1.0.0)
    package6955 (1.0.0)
    package6956 (1.0.0)
    package6957 (1.0.0)
    package6958 (1.0.0)
    package6959 (1.0.0)
    package6960 (1.0.0)
    package6961 (1.0.0)
    package6962 (1.0.0)
    package6963 (1.0.0)
    package6964 (1.0.0)
    package6965 (1.0.0)
    package6966 (1.0.0)
    package6967 (1.0.0)
    package6968 (1.0.0)
    package6969 (1.0.0)
    package6970 (1.0.0)
    package6971 (1.0.0)
    package6972 (1.0.0)
    package6973 (1.0.0)
    package6974 (1.0.0)
    package6975 (1.0.0)
    package6976 (1.0.0)
    package6977 (1.0.0)
    package6978 (1.0.0)
    package6979 (1.0.0)
    package6980 (1.0.0)
    package6981 (1.0.0)
    package6982 (1.0.0)
    package6983 (1.0.0)
    package6984 (1.0.0)
    package6985 (1.0.0)
    package6986 (1.0.0)
    package6987 (1.0.0)
    package6988 (1.0.0)
    package6989 (1.0.0)
    package6990 (1.0.0)
    package6991 (1.0.0)
    package6992 (1.0.0)
    package6993 (1.0.0)
    package6994 (1.0.0)
    package6995 (1.0.0)
    package6996 (1.0.0)
    package6997 (1.0.0)
    package6998 (1.0.0)
    package6999 (1.0.0)
    package7000 (1.0.0)
    package7001 (1.0.0)
    package7002 (1.0.0)
    package7003 (1.0.0)
    package7004 (1.0.0)
    package7005 (1.0.0)
    package7006 (1.0.0)
    package7007 (1.0.0)
    package7008 (1.0.0)
    package7009 (1.0.0)
    package7010 (1.0.0)
    package7011 (1.0.0)
    package7012 (1.0.0)
    package7013 (1.0.0)
    package7014 (1.0.0)
    package7015 (1.0.0)
    package7016 (1.0.0)
    package7017 (1.0.0)
    package7018 (1.0.0)
    package7019 (1.0.0)
    package7020 (1.0.0)
    package7021 (1.0.0)
    package7022 (1.0.0)
    package7023 (1.0.0)
    package7024 (1.0.0)
    package7025 (1.0.0)
    package7026 (1.0.0)
    package7027 (1.0.0)
    package7028 (1.0.0)
    package7029 (1.0.0)
    package7030 (1.0.0)
    package7031 (1.0.0)
    package7032 (1.0.0)
    package7033 (1.0.0)
    package7034 (1.0.0)
    package7035 (1.0.0)
    package7036 (1.0.0)
    package7037 (1.0.0)
    package7038 (1.0.0)
    package7039 (1.0.0)
    package7040 (1.0.0)
    package7041 (1.0.0)
    package7042 (1.0.0)
    package7043 (1.0.0)
    package7044 (1.0.0)
    package7045 (1.0.0)
    package7046 (1.0.0)
    package7047 (1.0.0)
    package7048 (1.0.0)
    package7049 (1.0.0)
    package7050 (1.0.0)
    package7051 (1.0.0)
    package7052 (1.0.0)
    package7053 (1.0.0)
    package7054 (1.0.0)
    package7055 (1.0.0)
    package7056 (1.0.0)
    package7057 (1.0.0)
    package7058 (1.0.0)
    package7059 (1.0.0)
    package7060 (1.0.0)
    package7061 (1.0.0)
    package7062 (1.0.0)
    package7063 (1.0.0)
    package7064 (1.0.0)
    package7065 (1.0.0)
    package7066 (1.0.0)
    package7067 (1.0.0)
    package7068 (1.0.0)
    package7069 (1.0.0)
    package7070 (1.0.0)
    package7071 (1.0.0)
    package7072 (1.0.0)
    package7073 (1.0.0)
    package7074 (1.0.0)
    package7075 (1.0.0)
    package7076 (1.0.0)
    package7077 (1.0.0)
    package7078 (1.0.0)
    package7079 (1.0.0)
    package7080 (1.0.0)
    package7081 (1.0.0)
    package7082 (1.0.0)
    package7083 (1.0.0)
    package7084 (1.0.0)
    package7085 (1.0.0)
    package7086 (1.0.0)
    package7087 (1.0.0)
    package7088 (1.0.0)
    package7089 (1.0.0)
    package7090 (1.0.0)
    package7091 (1.0.0)
    package7092 (1.0.0)
    package7093 (1.0.0)
    package7094 (1.0.0)
    package7095 (1.0.0)
    package7096 (1.0.0)
    package7097 (1.0.0)
    package7098 (1.0.0)
    package7099 (1.0.0)
    package7100 (1.0.0)
    package7101 (1.0.0)
    package7102 (1.0.0)
    package7103 (1.0.0)
    package7104 (1.0.0)
    package7105 (1.0.0)
    package7106 (1.0.0)
    package7107 (1.0.0)
    package7108 (1.0.0)
    package7109 (1.0.0)
    package7110 (1.0.0)
    package7111 (1.0.0)
    package7112 (1.0.0)
    package7113 (1.0.0)
    package7114 (1.0.0)
    package7115 (1.0.0)
    package7116 (1.0.0)
    package7117 (1.0.0)
    package7118 (1.0.0)
    package7119 (1.0.0)
    package7120 (1.0.0)
    package7121 (1.0.0)
    package7122 (1.0.0)
    package7123 (1.0.0)
    package7124 (1.0.0)
    package7125 (1.0.0)
    package7126 (1.0.0)
    package7127 (1.0.0)
    package7128 (1.0.0)
    package7129 (1.0.0)
    package7130 (1.0.0)
    package7131 (1.0.0)
    package7132 (1.0.0)
    package7133 (1.0.0)
    package7134 (1.0.0)
    package7135 (1.0.0)
    package7136 (1.0.0)
    package7137 (1.0.0)
    package7138 (1.0.0)
    package7139 (1.0.0)
    package7140 (1.0.0)
    package7141 (1.0.0)
    package7142 (1.0.0)
    package7143 (1.0.0)
    package7144 (1.0.0)
    package7145 (1.0.0)
    package7146 (1.0.0)
    package7147 (1.0.0)
    package7148 (1.0.0)
    package7149 (1.0.0)
    package7150 (1.0.0)
    package7151 (1.0.0)
    package7152 (1.0.0)
    package7153 (1.0.0)
    package7154 (1.0.0)
    package7155 (1.0.0)
    package7156 (1.0.0)
    package7157 (1.0.0)
    package7158 (1.0.0)
    package7159 (1.0.0)
    package7160 (1.0.0)
    package7161 (1.0.0)
    package7162 (1.0.0)
    package7163 (1.0.0)
    package7164 (1.0.0)
    package7165 (1.0.0)
    package7166 (1.0.0)
    package7167 (1.0.0)
    package7168 (1.0.0)
    package7169 (1.0.0)
    package7170 (1.0.0)
    package7171 (1.0.0)
    package7172 (1.0.0)
    package7173 (1.0.0)
    package7174 (1.0.0)
    package7175 (1.0.0)
    package7176 (1.0.0)
    package7177 (1.0.0)
    package7178 (1.0.0)
    package7179 (1.0.0)
    package7180 (1.0.0)
    package7181 (1.0.0)
    package7182 (1.0.0)
    package7183 (1.0.0)
    package7184 (1.0.0)
    package7185 (1.0.0)
    package7186 (1.0.0)
    package7187 (1.0.0)
    package7188 (1.0.0)
    package7189 (1.0.0)
    package7190 (1.0.0)
    package7191 (1.0.0)
    package7192 (1.0.0)
    package7193 (1.0.0)
    package7194 (1.0.0)
    package7195 (1.0.0)
    package7196 (1.0.0)
    package7197 (1.0.0)
    package7198 (1.0.0)
    package7199 (1.0.0)
    package7200 (1.0.0)
    package7201 (1.0.0)
    package7202 (1.0.0)
    package7203 (1.0.0)
    package7204 (1.0.0)
    package7205 (1.0.0)
    package7206 (1.0.0)
    package7207 (1.0.0)
    package7208 (1.0.0)
    package7209 (1.0.0)
    package7210 (1.0.0)
    package7211 (1.0.0)
    package7212 (1.0.0)
    package7213 (1.0.0)
    package7214 (1.0.0)
    package7215 (1.0.0)
    package7216 (1.0.0)
    package7217 (1.0.0)
    package7218 (1.0.0)
    package7219 (1.0.0)
    package7220 (1.0.0)
    package7221 (1.0.0)
    package7222 (1.0.0)
    package7223 (1.0.0)
    package7224 (1.0.0)
    package7225 (1.0.0)
    package7226 (1.0.0)
    package7227 (1.0.0)
    package7228 (1.0.0)
    package7229 (1.0.0)
    package7230 (1.0.0)
    package7231 (1.0.0)
    package7232 (1.0.0)
    package7233 (1.0.0)
    package7234 (1.0.0)
    package7235 (1.0.0)
    package7236 (1.0.0)
    package7237 (1.0.0)
    package7238 (1.0.0)
    package7239 (1.0.0)
    package7240 (1.0.0)
    package7241 (1.0.0)
    package7242 (1.0.0)
    package7243 (1.0.0)
    package7244 (1.0.0)
    package7245 (1.0.0)
    package7246 (1.0.0)
    package7247 (1.0.0)
    package7248 (1.0.0)
    package7249 (1.0.0)
    package7250 (1.0.0)
    package7251 (1.0.0)
    package7252 (1.0.0)
    package7253 (1.0.0)
    package7254 (1.0.0)
    package7255 (1.0.0)
    package7256 (1.0.0)
    package7257 (1.0.0)
    package7258 (1.0.0)
    package7259 (1.0.0)
    package7260 (1.0.0)
    package7261 (1.0.0)
    package7262 (1.0.0)
    package7263 (1.0.0)
    package7264 (1.0.0)
    package7265 (1.0.0)
    package7266 (1.0.0)
    package7267 (1.0.0)
    package7268 (1.0.0)
    package7269 (1.0.0)
    package7270 (1.0.0)
    package7271 (1.0.0)
    package7272 (1.0.0)
    package7273 (1.0.0)
    package7274 (1.0.0)
    package7275 (1.0.0)
    package7276 (1.0.0)
    package7277 (1.0.0)
    package7278 (1.0.0)
    package7279 (1.0.0)
    package7280 (1.0.0)
    package7281 (1.0.0)
    package7282 (1.0.0)
    package7283 (1.0.0)
    package7284 (1.0.0)
    package7285 (1.0.0)
    package7286 (1.0.0)
    package7287 (1.0.0)
    package7288 (1.0.0)
    package7289 (1.0.0)
    package7290 (1.0.0)
    package7291 (1.0.0)
    package7292 (1.0.0)
    package7293 (1.0.0)
    package7294 (1.0.0)
    package7295 (1.0.0)
    package7296 (1.0.0)
    package7297 (1.0.0)
    package7298 (1.0.0)
    package7299 (1.0.0)
    package7300 (1.0.0)
    package7301 (1.0.0)
    package7302 (1.0.0)
    package7303 (1.0.0)
    package7304 (1.0.0)
    package7305 (1.0.0)
    package7306 (1.0.0)
    package7307 (1.0.0)
    package7308 (1.0.0)
    package7309 (1.0.0)
    package7310 (1.0.0)
    package7311 (1.0.0)
    package7312 (1.0.0)
    package7313 (1.0.0)
    package7314 (1.0.0)
    package7315 (1.0.0)
    package7316 (1.0.0)
    package7317 (1.0.0)
    package7318 (1.0.0)
    package7319 (1.0.0)
    package7320 (1.0.0)
    package7321 (1.0.0)
    package7322 (1.0.0)
    package7323 (1.0.0)
    package7324 (1.0.0)
    package7325 (1.0.0)
    package7326 (1.0.0)
    package7327 (1.0.0)
    package7328 (1.0.0)
    package7329 (1.0.0)
    package7330 (1.0.0)
    package7331 (1.0.0)
    package7332 (1.0.0)
    package7333 (1.0.0)
    package7334 (1.0.0)
    package7335 (1.0.0)
    package7336 (1.0.0)
    package7337 (1.0.0)
    package7338 (1.0.0)
    package7339 (1.0.0)
    package7340 (1.0.0)
    package7341 (1.0.0)
    package7342 (1.0.0)
    package7343 (1.0.0)
    package7344 (1.0.0)
    package7345 (1.0.0)
    package7346 (1.0.0)
    package7347 (1.0.0)
    package7348 (1.0.0)
    package7349 (1.0.0)
    package7350 (1.0.0)
    package7351 (1.0.0)
    package7352 (1.0.0)
    package7353 (1.0.0)
    package7354 (1.0.0)
    package7355 (1.0.0)
    package7356 (1.0.0)
    package7357 (1.0.0)
    package7358 (1.0.0)
    package7359 (1.0.0)
    package7360 (1.0.0)
    package7361 (1.0.0)
    package7362 (1.0.0)
    package7363 (1.0.0)
    package7364 (1.0.0)
    package7365 (1.0.0)
    package7366 (1.0.0)
    package7367 (1.0.0)
    package7368 (1.0.0)
    package7369 (1.0.0)
    package7370 (1.0.0)
    package7371 (1.0.0)
    package7372 (1.0.0)
    package7373 (1.0.0)
    package7374 (1.0.0)
    package7375 (1.0.0)
    package7376 (1.0.0)
    package7377 (1.0.0)
    package7378 (1.0.0)
    package7379 (1.0.0)
    package7380 (1.0.0)
    package7381 (1.0.0)
    package7382 (1.0.0)
    package7383 (1.0.0)
    package7384 (1.0.0)
    package7385 (1.0.0)
    package7386 (1.0.0)
    package7387 (1.0.0)
    package7388 (1.0.0)
    package7389 (1.0.0)
    package7390 (1.0.0)
    package7391 (1.0.0)
    package7392 (1.0.0)
    package7393 (1.0.0)
    package7394 (1.0.0)
    package7395 (1.0.0)
    package7396 (1.0.0)
    package7397 (1.0.0)
    package7398 (1.0.0)
    package7399 (1.0.0)
    package7400 (1.0.0)
    package7401 (1.0.0)
    package7402 (1.0.0)
    package7403 (1.0.0)
    package7404 (1.0.0)
    package7405 (1.0.0)
    package7406 (1.0.0)
    package7407 (1.0.0)
    package7408 (1.0.0)
    package7409 (1.0.0)
    package7410 (1.0.0)
    package7411 (1.0.0)
    package7412 (1.0.0)
    package7413 (1.0.0)
    package7414 (1.0.0)
    package7415 (1.0.0)
    package7416 (1.0.0)
    package7417 (1.0.0)
    package7418 (1.0.0)
    package7419 (1.0.0)
    package7420 (1.0.0)
    package7421 (1.0.0)
    package7422 (1.0.0)
    package7423 (1.0.0)
    package7424 (1.0.0)
    package7425 (1.0.0)
    package7426 (1.0.0)
    package7427 (1.0.0)
    package7428 (1.0.0)
    package7429 (1.0.0)
    package7430 (1.0.0)
    package7431 (1.0.0)
    package7432 (1.0.0)
    package7433 (1.0.0)
    package7434 (1.0.0)
    package7435 (1.0.0)
    package7436 (1.0.0)
    package7437 (1.0.0)
    package7438 (1.0.0)
    package7439 (1.0.0)
    package7440 (1.0.0)
    package7441 (1.0.0)
    package7442 (1.0.0)
    package7443 (1.0.0)
    package7444 (1.0.0)
    package7445 (1.0.0)
    package7446 (1.0.0)
    package7447 (1.0.0)
    package7448 (1.0.0)
    package7449 (1.0.0)
    package7450 (1.0.0)
    package7451 (1.0.0)
    package7452 (1.0.0)
    package7453 (1.0.0)
    package7454 (1.0.0)
    package7455 (1.0.0)
    package7456 (1.0.0)
    package7457 (1.0.0)
    package7458 (1.0.0)
    package7459 (1.0.0)
    package7460 (1.0.0)
    package7461 (1.0.0)
    package7462 (1.0.0)
    package7463 (1.0.0)
    package7464 (1.0.0)
    package7465 (1.0.0)
    package7466 (1.0.0)
    package7467 (1.0.0)
    package7468 (1.0.0)
    package7469 (1.0.0)
    package7470 (1.0.0)
    package7471 (1.0.0)
    package7472 (1.0.0)
    package7473 (1.0.0)
    package7474 (1.0.0)
    package7475 (1.0.0)
    package7476 (1.0.0)
    package7477 (1.0.0)
    package7478 (1.0.0)
    package7479 (1.0.0)
    package7480 (1.0.0)
    package7481 (1.0.0)
    package7482 (1.0.0)
    package7483 (1.0.0)
    package7484 (1.0.0)
    package7485 (1.0.0)
    package7486 (1.0.0)
    package7487 (1.0.0)
    package7488 (1.0.0)
    package7489 (1.0.0)
    package7490 (1.0.0)
    package7491 (1.0.0)
    package7492 (1.0.0)
    package7493 (1.0.0)
    package7494 (1.0.0)
    package7495 (1.0.0)
    package7496 (1.0.0)
    package7497 (1.0.0)
    package7498 (1.0.0)
    package7499 (1.0.0)
    package7500 (1.0.0)
    package7501 (1.0.0)
    package7502 (1.0.0)
    package7503 (1.0.0)
    package7504 (1.0.0)
    package7505 (1.0.0)
    package7506 (1.0.0)
    package7507 (1.0.0)
    package7508 (1.0.0)
    package7509 (1.0.0)
    package7510 (1.0.0)
    package7511 (1.0.0)
    package7512 (1.0.0)
    package7513 (1.0.0)
    package7514 (1.0.0)
    package7515 (1.0.0)
    package7516 (1.0.0)
    package7517 (1.0.0)
    package7518 (1.0.0)
    package7519 (1.0.0)
    package7520 (1.0.0)
    package7521 (1.0.0)
    package7522 (1.0.0)
    package7523 (1.0.0)
    package7524 (1.0.0)
    package7525 (1.0.0)
    package7526 (1.0.0)
    package7527 (1.0.0)
    package7528 (1.0.0)
    package7529 (1.0.0)
    package7530 (1.0.0)
    package7531 (1.0.0)
    package7532 (1.0.0)
    package7533 (1.0.0)
    package7534 (1.0.0)
    package7535 (1.0.0)
    package7536 (1.0.0)
    package7537 (1.0.0)
    package7538 (1.0.0)
    package7539 (1.0.0)
    package7540 (1.0.0)
    package7541 (1.0.0)
    package7542 (1.0.0)
    package7543 (1.0.0)
    package7544 (1.0.0)
    package7545 (1.0.0)
    package7546 (1.0.0)
    package7547 (1.0.0)
    package7548 (1.0.0)
    package7549 (1.0.0)
    package7550 (1.0.0)
    package7551 (1.0.0)
    package7552 (1.0.0)
    package7553 (1.0.0)
    package7554 (1.0.0)
    package7555 (1.0.0)
    package7556 (1.0.0)
    package7557 (1.0.0)
    package7558 (1.0.0)
    package7559 (1.0.0)
    package7560 (1.0.0)
    package7561 (1.0.0)
    package7562 (1.0.0)
    package7563 (1.0.0)
    package7564 (1.0.0)
    package7565 (1.0.0)
    package7566 (1.0.0)
    package7567 (1.0.0)
    package7568 (1.0.0)
    package7569 (1.0.0)
    package7570 (1.0.0)
    package7571 (1.0.0)
    package7572 (1.0.0)
    package7573 (1.0.0)
    package7574 (1.0.0)
    package7575 (1.0.0)
    package7576 (1.0.0)
    package7577 (1.0.0)
    package7578 (1.0.0)
    package7579 (1.0.0)
    package7580 (1.0.0)
    package7581 (1.0.0)
    package7582 (1.0.0)
    package7583 (1.0.0)
    package7584 (1.0.0)
    package7585 (1.0.0)
    package7586 (1.0.0)
    package7587 (1.0.0)
    package7588 (1.0.0)
    package7589 (1.0.0)
    package7590 (1.0.0)
    package7591 (1.0.0)
    package7592 (1.0.0)
    package7593 (1.0.0)
    package7594 (1.0.0)
    package7595 (1.0.0)
    package7596 (1.0.0)
    package7597 (1.0.0)
    package7598 (1.0.0)
    package7599 (1.0.0)
    package7600 (1.0.0)
    package7601 (1.0.0)
    package7602 (1.0.0)
    package7603 (1.0.0)
    package7604 (1.0.0)
    package7605 (1.0.0)
    package7606 (1.0.0)
    package7607 (1.0.0)
    package7608 (1.0.0)
    package7609 (1.0.0)
    package7610 (1.0.0)
    package7611 (1.0.0)
    package7612 (1.0.0)
    package7613 (1.0.0)
    package7614 (1.0.0)
    package7615 (1.0.0)
    package7616 (1.0.0)
    package7617 (1.0.0)
    package7618 (1.0.0)
    package7619 (1.0.0)
    package7620 (1.0.0)
    package7621 (1.0.0)
    package7622 (1.0.0)
    package7623 (1.0.0)
    package7624 (1.0.0)
    package7625 (1.0.0)
    package7626 (1.0.0)
    package7627 (1.0.0)
    package7628 (1.0.0)
    package7629 (1.0.0)
    package7630 (1.0.0)
    package7631 (1.0.0)
    package7632 (1.0.0)
    package7633 (1.0.0)
    package7634 (1.0.0)
    package7635 (1.0.0)
    package7636 (1.0.0)
    package7637 (1.0.0)
    package7638 (1.0.0)
    package7639 (1.0.0)
    package7640 (1.0.0)
    package7641 (1.0.0)
    package7642 (1.0.0)
    package7643 (1.0.0)
    package7644 (1.0.0)
    package7645 (1.0.0)
    package7646 (1.0.0)
    package7647 (1.0.0)
    package7648 (1.0.0)
    package7649 (1.0.0)
    package7650 (1.0.0)
    package7651 (1.0.0)
    package7652 (1.0.0)
    package7653 (1.0.0)
    package7654 (1.0.0)
    package7655 (1.0.0)
    package7656 (1.0.0)
    package7657 (1.0.0)
    package7658 (1.0.0)
    package7659 (1.0.0)
    package7660 (1.0.0)
    package7661 (1.0.0)
    package7662 (1.0.0)
    package7663 (1.0.0)
    package7664 (1.0.0)
    package7665 (1.0.0)
    package7666 (1.0.0)
    package7667 (1.0.0)
    package7668 (1.0.0)
    package7669 (1.0.0)
    package7670 (1.0.0)
    package7671 (1.0.0)
    package7672 (1.0.0)
    package7673 (1.0.0)
    package7674 (1.0.0)
    package7675 (1.0.0)
    package7676 (1.0.0)
    package7677 (1.0.0)
    package7678 (1.0.0)
    package7679 (1.0.0)
    package7680 (1.0.0)
    package7681 (1.0.0)
    package7682 (1.0.0)
    package7683 (1.0.0)
    package7684 (1.0.0)
    package7685 (1.0.0)
    package7686 (1.0.0)
    package7687 (1.0.0)
    package7688 (1.0.0)
    package7689 (1.0.0)
    package7690 (1.0.0)
    package7691 (1.0.0)
    package7692 (1.0.0)
    package7693 (1.0.0)
    package7694 (1.0.0)
    package7695 (1.0.0)
    package7696 (1.0.0)
    package7697 (1.0.0)
    package7698 (1.0.0)
    package7699 (1.0.0)
    package7700 (1.0.0)
    package7701 (1.0.0)
    package7702 (1.0.0)
    package7703 (1.0.0)
    package7704 (1.0.0)
    package7705 (1.0.0)
    package7706 (1.0.0)
    package7707 (1.0.0)
    package7708 (1.0.0)
    package7709 (1.0.0)
    package7710 (1.0.0)
    package7711 (1.0.0)
    package7712 (1.0.0)
    package7713 (1.0.0)
    package7714 (1.0.0)
    package7715 (1.0.0)
    package7716 (1.0.0)
    package7717 (1.0.0)
    package7718 (1.0.0)
    package7719 (1.0.0)
    package7720 (1.0.0)
    package7721 (1.0.0)
    package7722 (1.0.0)
    package7723 (1.0.0)
    package7724 (1.0.0)
    package7725 (1.0.0)
    package7726 (1.0.0)
    package7727 (1.0.0)
    package7728 (1.0.0)
    package7729 (1.0.0)
    package7730 (1.0.0)
    package7731 (1.0.0)
    package7732 (1.0.0)
    package7733 (1.0.0)
    package7734 (1.0.0)
    package7735 (1.0.0)
    package7736 (1.0.0)
    package7737 (1.0.0)
    package7738 (1.0.0)
    package7739 (1.0.0)
    package7740 (1.0.0)
    package7741 (1.0.0)
    package7742 (1.0.0)
    package7743 (1.0.0)
    package7744 (1.0.0)
    package7745 (1.0.0)
    package7746 (1.0.0)
    package7747 (1.0.0)
    package7748 (1.0.0)
    package7749 (1.0.0)
    package7750 (1.0.0)
    package7751 (1.0.0)
    package7752 (1.0.0)
    package7753 (1.0.0)
    package7754 (1.0.0)
    package7755 (1.0.0)
    package7756 (1.0.0)
    package7757 (1.0.0)
    package7758 (1.0.0)
    package7759 (1.0.0)
    package7760 (1.0.0)
    package7761 (1.0.0)
    package7762 (1.0.0)
    package7763 (1.0.0)
    package7764 (1.0.0)
    package7765 (1.0.0)
    package7766 (1.0.0)
    package7767 (1.0.0)
    package7768 (1.0.0)
    package7769 (1.0.0)
    package7770 (1.0.0)
    package7771 (1.0.0)
    package7772 (1.0.0)
    package7773 (1.0.0)
    package7774 (1.0.0)
    package7775 (1.0.0)
    package7776 (1.0.0)
    package7777 (1.0.0)
    package7778 (1.0.0)
    package7779 (1.0.0)
    package7780 (1.0.0)
    package7781 (1.0.0)
    package7782 (1.0.0)
    package7783 (1.0.0)
    package7784 (1.0.0)
    package7785 (1.0.0)
    package7786 (1.0.0)
    package7787 (1.0.0)
    package7788 (1.0.0)
    package7789 (1.0.0)
    package7790 (1.0.0)
    package7791 (1.0.0)
    package7792 (1.0.0)
    package7793 (1.0.0)
    package7794 (1.0.0)
    package7795 (1.0.0)
    package7796 (1.0.0)
    package7797 (1.0.0)
    package7798 (1.0.0)
    package7799 (1.0.0)
    package7800 (1.0.0)
    package7801 (1.0.0)
    package7802 (1.0.0)
    package7803 (1.0.0)
    package7804 (1.0.0)
    package7805 (1.0.0)
    package7806 (1.0.0)
    package7807 (1.0.0)
    package7808 (1.0.0)
    package7809 (1.0.0)
    package7810 (1.0.0)
    package7811 (1.0.0)
    package7812 (1.0.0)
    package7813 (1.0.0)
    package7814 (1.0.0)
    package7815 (1.0.0)
    package7816 (1.0.0)
    package7817 (1.0.0)
    package7818 (1.0.0)
    package7819 (1.0.0)
    package7820 (1.0.0)
    package7821 (1.0.0)
    package7822 (1.0.0)
    package7823 (1.0.0)
    package7824 (1.0.0)
    package7825 (1.0.0)
    package7826 (1.0.0)
    package7827 (1.0.0)
    package7828 (1.0.0)
    package7829 (1.0.0)
    package7830 (1.0.0)
    package7831 (1.0.0)
    package7832 (1.0.0)
    package7833 (1.0.0)
    package7834 (1.0.0)
    package7835 (1.0.0)
    package7836 (1.0.0)
    package7837 (1.0.0)
    package7838 (1.0.0)
    package7839 (1.0.0)
    package7840 (1.0.0)
    package7841 (1.0.0)
    package7842 (1.0.0)
    package7843 (1.0.0)
    package7844 (1.0.0)
    package7845 (1.0.0)
    package7846 (1.0.0)
    package7847 (1.0.0)
    package7848 (1.0.0)
    package7849 (1.0.0)
    package7850 (1.0.0)
    package7851 (1.0.0)
    package7852 (1.0.0)
    package7853 (1.0.0)
    package7854 (1.0.0)
    package7855 (1.0.0)
    package7856 (1.0.0)
    package7857 (1.0.0)
    package7858 (1.0.0)
    package7859 (1.0.0)
    package7860 (1.0.0)
    package7861 (1.0.0)
    package7862 (1.0.0)
    package7863 (1.0.0)
    package7864 (1.0.0)
    package7865 (1.0.0)
    package7866 (1.0.0)
    package7867 (1.0.0)
    package7868 (1.0.0)
    package7869 (1.0.0)
    package7870 (1.0.0)
    package7871 (1.0.0)
    package7872 (1.0.0)
    package7873 (1.0.0)
    package7874 (1.0.0)
    package7875 (1.0.0)
    package7876 (1.0.0)
    package7877 (1.0.0)
    package7878 (1.0.0)
    package7879 (1.0.0)
    package7880 (1.0.0)
    package7881 (1.0.0)
    package7882 (1.0.0)
    package7883 (1.0.0)
    package7884 (1.0.0)
    package7885 (1.0.0)
    package7886 (1.0.0)
    package7887 (1.0.0)
    package7888 (1.0.0)
    package7889 (1.0.0)
    package7890 (1.0.0)
    package7891 (1.0.0)
    package7892 (1.0.0)
    package7893 (1.0.0)
    package7894 (1.0.0)
    package7895 (1.0.0)
    package7896 (1.0.0)
    package7897 (1.0.0)
    package7898 (1.0.0)
    package7899 (1.0.0)
    package7900 (1.0.0)
    package7901 (1.0.0)
    package7902 (1.0.0)
    package7903 (1.0.0)
    package7904 (1.0.0)
    package7905 (1.0.0)
    package7906 (1.0.0)
    package7907 (1.0.0)
    package7908 (1.0.0)
    package7909 (1.0.0)
    package7910 (1.0.0)
    package7911 (1.0.0)
    package7912 (1.0.0)
    package7913 (1.0.0)
    package7914 (1.0.0)
    package7915 (1.0.0)
    package7916 (1.0.0)
    package7917 (1.0.0)
    package7918 (1.0.0)
    package7919 (1.0.0)
    package7920 (1.0.0)
    package7921 (1.0.0)
    package7922 (1.0.0)
    package7923 (1.0.0)
    package7924 (1.0.0)
    package7925 (1.0.0)
    package7926 (1.0.0)
    package7927 (1.0.0)
    package7928 (1.0.0)
    package7929 (1.0.0)
    package7930 (1.0.0)
    package7931 (1.0.0)
    package7932 (1.0.0)
    package7933 (1.0.0)
    package7934 (1.0.0)
    package7935 (1.0.0)
    package7936 (1.0.0)
    package7937 (1.0.0)
    package7938 (1.0.0)
    package7939 (1.0.0)
    package7940 (1.0.0)
    package7941 (1.0.0)
    package7942 (1.0.0)
    package7943 (1.0.0)
    package7944 (1.0.0)
    package7945 (1.0.0)
    package7946 (1.0.0)
    package7947 (1.0.0)
    package7948 (1.0.0)
    package7949 (1.0.0)
    package7950 (1.0.0)
    package7951 (1.0.0)
    package7952 (1.0.0)
    package7953 (1.0.0)
    package7954 (1.0.0)
    package7955 (1.0.0)
    package7956 (1.0.0)
    package7957 (1.0.0)
    package7958 (1.0.0)
    package7959 (1.0.0)
    package7960 (1.0.0)
    package7961 (1.0.0)
    package7962 (1.0.0)
    package7963 (1.0.0)
    package7964 (1.0.0)
    package7965 (1.0.0)
    package7966 (1.0.0)
    package7967 (1.0.0)
    package7968 (1.0.0)
    package7969 (1.0.0)
    package7970 (1.0.0)
    package7971 (1.0.0)
    package7972 (1.0.0)
    package7973 (1.0.0)
    package7974 (1.0.0)
    package7975 (1.0.0)
    package7976 (1.0.0)
    package7977 (1.0.0)
    package7978 (1.0.0)
    package7979 (1.0.0)
    package7980 (1.0.0)
    package7981 (1.0.0)
    package7982 (1.0.0)
    package7983 (1.0.0)
    package7984 (1.0.0)
    package7985 (1.0.0)
    package7986 (1.0.0)
    package7987 (1.0.0)
    package7988 (1.0.0)
    package7989 (1.0.0)
    package7990 (1.0.0)
    package7991 (1.0.0)
    package7992 (1.0.0)
    package7993 (1.0.0)
    package7994 (1.0.0)
    package7995 (1.0.0)
    package7996 (1.0.0)
    package7997 (1.0.0)
    package7998 (1.0.0)
    package7999 (1.0.0)
    package8000 (1.0.0)
    package8001 (1.0.0)
    package8002 (1.0.0)
    package8003 (1.0.0)
    package8004 (1.0.0)
    package8005 (1.0.0)
    package8006 (1.0.0)
    package8007 (1.0.0)
    package8008 (1.0.0)
    package8009 (1.0.0)
    package8010 (1.0.0)
    package8011 (1.0.0)
    package8012 (1.0.0)
    package8013 (1.0.0)
    package8014 (1.0.0)
    package8015 (1.0.0)
    package8016 (1.0.0)
    package8017 (1.0.0)
    package8018 (1.0.0)
    package8019 (1.0.0)
    package8020 (1.0.0)
    package8021 (1.0.0)
    package8022 (1.0.0)
    package8023 (1.0.0)
    package8024 (1.0.0)
    package8025 (1.0.0)
    package8026 (1.0.0)
    package8027 (1.0.0)
    package8028 (1.0.0)
    package8029 (1.0.0)
    package8030 (1.0.0)
    package8031 (1.0.0)
    package8032 (1.0.0)
    package8033 (1.0.0)
    package8034 (1.0.0)
    package8035 (1.0.0)
    package8036 (1.0.0)
    package8037 (1.0.0)
    package8038 (1.0.0)
    package8039 (1.0.0)
    package8040 (1.0.0)
    package8041 (1.0.0)
    package8042 (1.0.0)
    package8043 (1.0.0)
    package8044 (1.0.0)
    package8045 (1.0.0)
    package8046 (1.0.0)
    package8047 (1.0.0)
    package8048 (1.0.0)
    package8049 (1.0.0)
    package8050 (1.0.0)
    package8051 (1.0.0)
    package8052 (1.0.0)
    package8053 (1.0.0)
    package8054 (1.0.0)
    package8055 (1.0.0)
    package8056 (1.0.0)
    package8057 (1.0.0)
    package8058 (1.0.0)
    package8059 (1.0.0)
    package8060 (1.0.0)
    package8061 (1.0.0)
    package8062 (1.0.0)
    package8063 (1.0.0)
    package8064 (1.0.0)
    package8065 (1.0.0)
    package8066 (1.0.0)
    package8067 (1.0.0)
    package8068 (1.0.0)
    package8069 (1.0.0)
    package8070 (1.0.0)
    package8071 (1.0.0)
    package8072 (1.0.0)
    package8073 (1.0.0)
    package8074 (1.0.0)
    package8075 (1.0.0)
    package8076 (1.0.0)
    package8077 (1.0.0)
    package8078 (1.0.0)
    package8079 (1.0.0)
    package8080 (1.0.0)
    package8081 (1.0.0)
    package8082 (1.0.0)
    package8083 (1.0.0)
    package8084 (1.0.0)
    package8085 (1.0.0)
    package8086 (1.0.0)
    package8087 (1.0.0)
    package8088 (1.0.0)
    package8089 (1.0.0)
    package8090 (1.0.0)
    package8091 (1.0.0)
    package8092 (1.0.0)
    package8093 (1.0.0)
    package8094 (1.0.0)
    package8095 (1.0.0)
    package8096 (1.0.0)
    package8097 (1.0.0)
    package8098 (1.0.0)
    package8099 (1.0.0)
    package8100 (1.0.0)
    package8101 (1.0.0)
    package8102 (1.0.0)
    package8103 (1.0.0)
    package8104 (1.0.0)
    package8105 (1.0.0)
    package8106 (1.0.0)
    package8107 (1.0.0)
    package8108 (1.0.0)
    package8109 (1.0.0)
    package8110 (1.0.0)
    package8111 (1.0.0)
    package8112 (1.0.0)
    package8113 (1.0.0)
    package8114 (1.0.0)
    package8115 (1.0.0)
    package8116 (1.0.0)
    package8117 (1.0.0)
    package8118 (1.0.0)
    package8119 (1.0.0)
    package8120 (1.0.0)
    package8121 (1.0.0)
    package8122 (1.0.0)
    package8123 (1.0.0)
    package8124 (1.0.0)
    package8125 (1.0.0)
    package8126 (1.0.0)
    package8127 (1.0.0)
    package8128 (1.0.0)
    package8129 (1.0.0)
    package8130 (1.0.0)
    package8131 (1.0.0)
    package8132 (1.0.0)
    package8133 (1.0.0)
    package8134 (1.0.0)
    package8135 (1.0.0)
    package8136 (1.0.0)
    package8137 (1.0.0)
    package8138 (1.0.0)
    package8139 (1.0.0)
    package8140 (1.0.0)
    package8141 (1.0.0)
    package8142 (1.0.0)
    package8143 (1.0.0)
    package8144 (1.0.0)
    package8145 (1.0.0)
    package8146 (1.0.0)
    package8147 (1.0.0)
    package8148 (1.0.0)
    package8149 (1.0.0)
    package8150 (1.0.0)
    package8151 (1.0.0)
    package8152 (1.0.0)
    package8153 (1.0.0)
    package8154 (1.0.0)
    package8155 (1.0.0)
    package8156 (1.0.0)
    package8157 (1.0.0)
    package8158 (1.0.0)
    package8159 (1.0.0)
    package8160 (1.0.0)
    package8161 (1.0.0)
    package8162 (1.0.0)
    package8163 (1.0.0)
    package8164 (1.0.0)
    package8165 (1.0.0)
    package8166 (1.0.0)
    package8167 (1.0.0)
    package8168 (1.0.0)
    package8169 (1.0.0)
    package8170 (1.0.0)
    package8171 (1.0.0)
    package8172 (1.0.0)
    package8173 (1.0.0)
    package8174 (1.0.0)
    package8175 (1.0.0)
    package8176 (1.0.0)
    package8177 (1.0.0)
    package8178 (1.0.0)
    package8179 (1.0.0)
    package8180 (1.0.0)
    package8181 (1.0.0)
    package8182 (1.0.0)
    package8183 (1.0.0)
    package8184 (1.0.0)
    package8185 (1.0.0)
    package8186 (1.0.0)
    package8187 (1.0.0)
    package8188 (1.0.0)
    package8189 (1.0.0)
    package8190 (1.0.0)
    package8191 (1.0.0)
    package8192 (1.0.0)
    package8193 (1.0.0)
    package8194 (1.0.0)
    package8195 (1.0.0)
    package8196 (1.0.0)
    package8197 (1.0.0)
    package8198 (1.0.0)
    package8199 (1.0.0)
    package8200 (1.0.0)
    package8201 (1.0.0)
    package8202 (1.0.0)
    package8203 (1.0.0)
    package8204 (1.0.0)
    package8205 (1.0.0)
    package8206 (1.0.0)
    package8207 (1.0.0)
    package8208 (1.0.0)
    package8209 (1.0.0)
    package8210 (1.0.0)
    package8211 (1.0.0)
    package8212 (1.0.0)
    package8213 (1.0.0)
    package8214 (1.0.0)
    package8215 (1.0.0)
    package8216 (1.0.0)
    package8217 (1.0.0)
    package8218 (1.0.0)
    package8219 (1.0.0)
    package8220 (1.0.0)
    package8221 (1.0.0)
    package8222 (1.0.0)
    package8223 (1.0.0)
    package8224 (1.0.0)
    package8225 (1.0.0)
    package8226 (1.0.0)
    package8227 (1.0.0)
    package8228 (1.0.0)
    package8229 (1.0.0)
    package8230 (1.0.0)
    package8231 (1.0.0)
    package8232 (1.0.0)
    package8233 (1.0.0)
    package8234 (1.0.0)
    package8235 (1.0.0)
    package8236 (1.0.0)
    package8237 (1.0.0)
    package8238 (1.0.0)
    package8239 (1.0.0)
    package8240 (1.0.0)
    package8241 (1.0.0)
    package8242 (1.0.0)
    package8243 (1.0.0)
    package8244 (1.0.0)
    package8245 (1.0.0)
    package8246 (1.0.0)
    package8247 (1.0.0)
    package8248 (1.0.0)
    package8249 (1.0.0)
    package8250 (1.0.0)
    package8251 (1.0.0)
    package8252 (1.0.0)
    package8253 (1.0.0)
    package8254 (1.0.0)
    package8255 (1.0.0)
    package8256 (1.0.0)
    package8257 (1.0.0)
    package8258 (1.0.0)
    package8259 (1.0.0)
    package8260 (1.0.0)
    package8261 (1.0.0)
    package8262 (1.0.0)
    package8263 (1.0.0)
    package8264 (1.0.0)
    package8265 (1.0.0)
    package8266 (1.0.0)
    package8267 (1.0.0)
    package8268 (1.0.0)
    package8269 (1.0.0)
    package8270 (1.0.0)
    package8271 (1.0.0)
    package8272 (1.0.0)
    package8273 (1.0.0)
    package8274 (1.0.0)
    package8275 (1.0.0)
    package8276 (1.0.0)
    package8277 (1.0.0)
    package8278 (1.0.0)
    package8279 (1.0.0)
    package8280 (1.0.0)
    package8281 (1.0.0)
    package8282 (1.0.0)
    package8283 (1.0.0)
    package8284 (1.0.0)
    package8285 (1.0.0)
    package8286 (1.0.0)
    package8287 (1.0.0)
    package8288 (1.0.0)
    package8289 (1.0.0)
    package8290 (1.0.0)
    package8291 (1.0.0)
    package8292 (1.0.0)
    package8293 (1.0.0)
    package8294 (1.0.0)
    package8295 (1.0.0)
    package8296 (1.0.0)
    package8297 (1.0.0)
    package8298 (1.0.0)
    package8299 (1.0.0)
    package8300 (1.0.0)
    package8301 (1.0.0)
    package8302 (1.0.0)
    package8303 (1.0.0)
    package8304 (1.0.0)
    package8305 (1.0.0)
    package8306 (1.0.0)
    package8307 (1.0.0)
    package8308 (1.0.0)
    package8309 (1.0.0)
    package8310 (1.0.0)
    package8311 (1.0.0)
    package8312 (1.0.0)
    package8313 (1.0.0)
    package8314 (1.0.0)
    package8315 (1.0.0)
    package8316 (1.0.0)
    package8317 (1.0.0)
    package8318 (1.0.0)
    package8319 (1.0.0)
    package8320 (1.0.0)
    package8321 (1.0.0)
    package8322 (1.0.0)
    package8323 (1.0.0)
    package8324 (1.0.0)
    package8325 (1.0.0)
    package8326 (1.0.0)
    package8327 (1.0.0)
    package8328 (1.0.0)
    package8329 (1.0.0)
    package8330 (1.0.0)
    package8331 (1.0.0)
    package8332 (1.0.0)
    package8333 (1.0.0)
    package8334 (1.0.0)
    package8335 (1.0.0)
    package8336 (1.0.0)
    package8337 (1.0.0)
    package8338 (1.0.0)
    package8339 (1.0.0)
    package8340 (1.0.0)
    package8341 (1.0.0)
    package8342 (1.0.0)
    package8343 (1.0.0)
    package8344 (1.0.0)
    package8345 (1.0.0)
    package8346 (1.0.0)
    package8347 (1.0.0)
    package8348 (1.0.0)
    package8349 (1.0.0)
    package8350 (1.0.0)
    package8351 (1.0.0)
    package8352 (1.0.0)
    package8353 (1.0.0)
    package8354 (1.0.0)
    package8355 (1.0.0)
    package8356 (1.0.0)
    package8357 (1.0.0)
    package8358 (1.0.0)
    package8359 (1.0.0)
    package8360 (1.0.0)
    package8361 (1.0.0)
    package8362 (1.0.0)
    package8363 (1.0.0)
    package8364 (1.0.0)
    package8365 (1.0.0)
    package8366 (1.0.0)
    package8367 (1.0.0)
    package8368 (1.0.0)
    package8369 (1.0.0)
    package8370 (1.0.0)
    package8371 (1.0.0)
    package8372 (1.0.0)
    package8373 (1.0.0)
    package8374 (1.0.0)
    package8375 (1.0.0)
    package8376 (1.0.0)
    package8377 (1.0.0)
    package8378 (1.0.0)
    package8379 (1.0.0)
    package8380 (1.0.0)
    package8381 (1.0.0)
    package8382 (1.0.0)
    package8383 (1.0.0)
    package8384 (1.0.0)
    package8385 (1.0.0)
    package8386 (1.0.0)
    package8387 (1.0.0)
    package8388 (1.0.0)
    package8389 (1.0.0)
    package8390 (1.0.0)
    package8391 (1.0.0)
    package8392 (1.0.0)
    package8393 (1.0.0)
    package8394 (1.0.0)
    package8395 (1.0.0)
    package8396 (1.0.0)
    package8397 (1.0.0)
    package8398 (1.0.0)
    package8399 (1.0.0)
    package8400 (1.0.0)
    package8401 (1.0.0)
    package8402 (1.0.0)
    package8403 (1.0.0)
    package8404 (1.0.0)
    package8405 (1.0.0)
    package8406 (1.0.0)
    package8407 (1.0.0)
    package8408 (1.0.0)
    package8409 (1.0.0)
    package8410 (1.0.0)
    package8411 (1.0.0)
    package8412 (1.0.0)
    package8413 (1.0.0)
    package8414 (1.0.0)
    package8415 (1.0.0)
    package8416 (1.0.0)
    package8417 (1.0.0)
    package8418 (1.0.0)
    package8419 (1.0.0)
    package8420 (1.0.0)
    package8421 (1.0.0)
    package8422 (1.0.0)
    package8423 (1.0.0)
    package8424 (1.0.0)
    package8425 (1.0.0)
    package8426 (1.0.0)
    package8427 (1.0.0)
    package8428 (1.0.0)
    package8429 (1.0.0)
    package8430 (1.0.0)
    package8431 (1.0.0)
    package8432 (1.0.0)
    package8433 (1.0.0)
    package8434 (1.0.0)
    package8435 (1.0.0)
    package8436 (1.0.0)
    package8437 (1.0.0)
    package8438 (1.0.0)
    package8439 (1.0.0)
    package8440 (1.0.0)
    package8441 (1.0.0)
    package8442 (1.0.0)
    package8443 (1.0.0)
    package8444 (1.0.0)
    package8445 (1.0.0)
    package8446 (1.0.0)
    package8447 (1.0.0)
    package8448 (1.0.0)
    package8449 (1.0.0)
    package8450 (1.0.0)
    package8451 (1.0.0)
    package8452 (1.0.0)
    package8453 (1.0.0)
    package8454 (1.0.0)
    package8455 (1.0.0)
    package8456 (1.0.0)
    package8457 (1.0.0)
    package8458 (1.0.0)
    package8459 (1.0.0)
    package8460 (1.0.0)
    package8461 (1.0.0)
    package8462 (1.0.0)
    package8463 (1.0.0)
    package8464 (1.0.0)
    package8465 (1.0.0)
    package8466 (1.0.0)
    package8467 (1.0.0)
    package8468 (1.0.0)
    package8469 (1.0.0)
    package8470 (1.0.0)
    package8471 (1.0.0)
    package8472 (1.0.0)
    package8473 (1.0.0)
    package8474 (1.0.0)
    package8475 (1.0.0)
    package8476 (1.0.0)
    package8477 (1.0.0)
    package8478 (1.0.0)
    package8479 (1.0.0)
    package8480 (1.0.0)
    package8481 (1.0.0)
    package8482 (1.0.0)
    package8483 (1.0.0)
    package8484 (1.0.0)
    package8485 (1.0.0)
    package8486 (1.0.0)
    package8487 (1.0.0)
    package8488 (1.0.0)
    package8489 (1.0.0)
    package8490 (1.0.0)
    package8491 (1.0.0)
    package8492 (1.0.0)
    package8493 (1.0.0)
    package8494 (1.0.0)
    package8495 (1.0.0)
    package8496 (1.0.0)
    package8497 (1.0.0)
    package8498 (1.0.0)
    package8499 (1.0.0)
    package8500 (1.0.0)
    package8501 (1.0.0)
    package8502 (1.0.0)
    package8503 (1.0.0)
    package8504 (1.0.0)
    package8505 (1.0.0)
    package8506 (1.0.0)
    package8507 (1.0.0)
    package8508 (1.0.0)
    package8509 (1.0.0)
    package8510 (1.0.0)
    package8511 (1.0.0)
    package8512 (1.0.0)
    package8513 (1.0.0)
    package8514 (1.0.0)
    package8515 (1.0.0)
    package8516 (1.0.0)
    package8517 (1.0.0)
    package8518 (1.0.0)
    package8519 (1.0.0)
    package8520 (1.0.0)
    package8521 (1.0.0)
    package8522 (1.0.0)
    package8523 (1.0.0)
    package8524 (1.0.0)
    package8525 (1.0.0)
    package8526 (1.0.0)
    package8527 (1.0.0)
    package8528 (1.0.0)
    package8529 (1.0.0)
    package8530 (1.0.0)
    package8531 (1.0.0)
    package8532 (1.0.0)
    package8533 (1.0.0)
    package8534 (1.0.0)
    package8535 (1.0.0)
    package8536 (1.0.0)
    package8537 (1.0.0)
    package8538 (1.0.0)
    package8539 (1.0.0)
    package8540 (1.0.0)
    package8541 (1.0.0)
    package8542 (1.0.0)
    package8543 (1.0.0)
    package8544 (1.0.0)
    package8545 (1.0.0)
    package8546 (1.0.0)
    package8547 (1.0.0)
    package8548 (1.0.0)
    package8549 (1.0.0)
    package8550 (1.0.0)
    package8551 (1.0.0)
    package8552 (1.0.0)
    package8553 (1.0.0)
    package8554 (1.0.0)
    package8555 (1.0.0)
    package8556 (1.0.0)
    package8557 (1.0.0)
    package8558 (1.0.0)
    package8559 (1.0.0)
    package8560 (1.0.0)
    package8561 (1.0.0)
    package8562 (1.0.0)
    package8563 (1.0.0)
    package8564 (1.0.0)
    package8565 (1.0.0)
    package8566 (1.0.0)
    package8567 (1.0.0)
    package8568 (1.0.0)
    package8569 (1.0.0)
    package8570 (1.0.0)
    package8571 (1.0.0)
    package8572 (1.0.0)
    package8573 (1.0.0)
    package8574 (1.0.0)
    package8575 (1.0.0)
    package8576 (1.0.0)
    package8577 (1.0.0)
    package8578 (1.0.0)
    package8579 (1.0.0)
    package8580 (1.0.0)
    package8581 (1.0.0)
    package8582 (1.0.0)
    package8583 (1.0.0)
    package8584 (1.0.0)
    package8585 (1.0.0)
    package8586 (1.0.0)
    package8587 (1.0.0)
    package8588 (1.0.0)
    package8589 (1.0.0)
    package8590 (1.0.0)
    package8591 (1.0.0)
    package8592 (1.0.0)
    package8593 (1.0.0)
    package8594 (1.0.0)
    package8595 (1.0.0)
    package8596 (1.0.0)
    package8597 (1.0.0)
    package8598 (1.0.0)
    package8599 (1.0.0)
    package8600 (1.0.0)
    package8601 (1.0.0)
    package8602 (1.0.0)
    package8603 (1.0.0)
    package8604 (1.0.0)
    package8605 (1.0.0)
    package8606 (1.0.0)
    package8607 (1.0.0)
    package8608 (1.0.0)
    package8609 (1.0.0)
    package8610 (1.0.0)
    package8611 (1.0.0)
    package8612 (1.0.0)
    package8613 (1.0.0)
    package8614 (1.0.0)
    package8615 (1.0.0)
    package8616 (1.0.0)
    package8617 (1.0.0)
    package8618 (1.0.0)
    package8619 (1.0.0)
    package8620 (1.0.0)
    package8621 (1.0.0)
    package8622 (1.0.0)
    package8623 (1.0.0)
    package8624 (1.0.0)
    package8625 (1.0.0)
    package8626 (1.0.0)
    package8627 (1.0.0)
    package8628 (1.0.0)
    package8629 (1.0.0)
    package8630 (1.0.0)
    package8631 (1.0.0)
    package8632 (1.0.0)
    package8633 (1.0.0)
    package8634 (1.0.0)
    package8635 (1.0.0)
    package8636 (1.0.0)
    package8637 (1.0.0)
    package8638 (1.0.0)
    package8639 (1.0.0)
    package8640 (1.0.0)
    package8641 (1.0.0)
    package8642 (1.0.0)
    package8643 (1.0.0)
    package8644 (1.0.0)
    package8645 (1.0.0)
    package8646 (1.0.0)
    package8647 (1.0.0)
    package8648 (1.0.0)
    package8649 (1.0.0)
    package8650 (1.0.0)
    package8651 (1.0.0)
    package8652 (1.0.0)
    package8653 (1.0.0)
    package8654 (1.0.0)
    package8655 (1.0.0)
    package8656 (1.0.0)
    package8657 (1.0.0)
    package8658 (1.0.0)
    package8659 (1.0.0)
    package8660 (1.0.0)
    package8661 (1.0.0)
    package8662 (1.0.0)
    package8663 (1.0.0)
    package8664 (1.0.0)
    package8665 (1.0.0)
    package8666 (1.0.0)
    package8667 (1.0.0)
    package8668 (1.0.0)
    package8669 (1.0.0)
    package8670 (1.0.0)
    package8671 (1.0.0)
    package8672 (1.0.0)
    package8673 (1.0.0)
    package8674 (1.0.0)
    package8675 (1.0.0)
    package8676 (1.0.0)
    package8677 (1.0.0)
    package8678 (1.0.0)
    package8679 (1.0.0)
    package8680 (1.0.0)
    package8681 (1.0.0)
    package8682 (1.0.0)
    package8683 (1.0.0)
    package8684 (1.0.0)
    package8685 (1.0.0)
    package8686 (1.0.0)
    package8687 (1.0.0)
    package8688 (1.0.0)
    package8689 (1.0.0)
    package8690 (1.0.0)
    package8691 (1.0.0)
    package8692 (1.0.0)
    package8693 (1.0.0)
    package8694 (1.0.0)
    package8695 (1.0.0)
    package8696 (1.0.0)
    package8697 (1.0.0)
    package8698 (1.0.0)
    package8699 (1.0.0)
    package8700 (1.0.0)
    package8701 (1.0.0)
    package8702 (1.0.0)
    package8703 (1.0.0)
    package8704 (1.0.0)
    package8705 (1.0.0)
    package8706 (1.0.0)
    package8707 (1.0.0)
    package8708 (1.0.0)
    package8709 (1.0.0)
    package8710 (1.0.0)
    package8711 (1.0.0)
    package8712 (1.0.0)
    package8713 (1.0.0)
    package8714 (1.0.0)
    package8715 (1.0.0)
    package8716 (1.0.0)
    package8717 (1.0.0)
    package8718 (1.0.0)
    package8719 (1.0.0)
    package8720 (1.0.0)
    package8721 (1.0.0)
    package8722 (1.0.0)
    package8723 (1.0.0)
    package8724 (1.0.0)
    package8725 (1.0.0)
    package8726 (1.0.0)
    package8727 (1.0.0)
    package8728 (1.0.0)
    package8729 (1.0.0)
    package8730 (1.0.0)
    package8731 (1.0.0)
    package8732 (1.0.0)
    package8733 (1.0.0)
    package8734 (1.0.0)
    package8735 (1.0.0)
    package8736 (1.0.0)
    package8737 (1.0.0)
    package8738 (1.0.0)
    package8739 (1.0.0)
    package8740 (1.0.0)
    package8741 (1.0.0)
    package8742 (1.0.0)
    package8743 (1.0.0)
    package8744 (1.0.0)
    package8745 (1.0.0)
    package8746 (1.0.0)
    package8747 (1.0.0)
    package8748 (1.0.0)
    package8749 (1.0.0)
    package8750 (1.0.0)
    package8751 (1.0.0)
    package8752 (1.0.0)
    package8753 (1.0.0)
    package8754 (1.0.0)
    package8755 (1.0.0)
    package8756 (1.0.0)
    package8757 (1.0.0)
    package8758 (1.0.0)
    package8759 (1.0.0)
    package8760 (1.0.0)
    package8761 (1.0.0)
    package8762 (1.0.0)
    package8763 (1.0.0)
    package8764 (1.0.0)
    package8765 (1.0.0)
    package8766 (1.0.0)
    package8767 (1.0.0)
    package8768 (1.0.0)
    package8769 (1.0.0)
    package8770 (1.0.0)
    package8771 (1.0.0)
    package8772 (1.0.0)
    package8773 (1.0.0)
    package8774 (1.0.0)
    package8775 (1.0.0)
    package8776 (1.0.0)
    package8777 (1.0.0)
    package8778 (1.0.0)
    package8779 (1.0.0)
    package8780 (1.0.0)
    package8781 (1.0.0)
    package8782 (1.0.0)
    package8783 (1.0.0)
    package8784 (1.0.0)
    package8785 (1.0.0)
    package8786 (1.0.0)
    package8787 (1.0.0)
    package8788 (1.0.0)
    package8789 (1.0.0)
    package8790 (1.0.0)
    package8791 (1.0.0)
    package8792 (1.0.0)
    package8793 (1.0.0)
    package8794 (1.0.0)
    package8795 (1.0.0)
    package8796 (1.0.0)
    package8797 (1.0.0)
    package8798 (1.0.0)
    package8799 (1.0.0)
    package8800 (1.0.0)
    package8801 (1.0.0)
    package8802 (1.0.0)
    package8803 (1.0.0)
    package8804 (1.0.0)
    package8805 (1.0.0)
    package8806 (1.0.0)
    package8807 (1.0.0)
    package8808 (1.0.0)
    package8809 (1.0.0)
    package8810 (1.0.0)
    package8811 (1.0.0)
    package8812 (1.0.0)
    package8813 (1.0.0)
    package8814 (1.0.0)
    package8815 (1.0.0)
    package8816 (1.0.0)
    package8817 (1.0.0)
    package8818 (1.0.0)
    package8819 (1.0.0)
    package8820 (1.0.0)
    package8821 (1.0.0)
    package8822 (1.0.0)
    package8823 (1.0.0)
    package8824 (1.0.0)
    package8825 (1.0.0)
    package8826 (1.0.0)
    package8827 (1.0.0)
    package8828 (1.0.0)
    package8829 (1.0.0)
    package8830 (1.0.0)
    package8831 (1.0.0)
    package8832 (1.0.0)
    package8833 (1.0.0)
    package8834 (1.0.0)
    package8835 (1.0.0)
    package8836 (1.0.0)
    package8837 (1.0.0)
    package8838 (1.0.0)
    package8839 (1.0.0)
    package8840 (1.0.0)
    package8841 (1.0.0)
    package8842 (1.0.0)
    package8843 (1.0.0)
    package8844 (1.0.0)
    package8845 (1.0.0)
    package8846 (1.0.0)
    package8847 (1.0.0)
    package8848 (1.0.0)
    package8849 (1.0.0)
    package8850 (1.0.0)
    package8851 (1.0.0)
    package8852 (1.0.0)
    package8853 (1.0.0)
    package8854 (1.0.0)
    package8855 (1.0.0)
    package8856 (1.0.0)
    package8857 (1.0.0)
    package8858 (1.0.0)
    package8859 (1.0.0)
    package8860 (1.0.0)
    package8861 (1.0.0)
    package8862 (1.0.0)
    package8863 (1.0.0)
    package8864 (1.0.0)
    package8865 (1.0.0)
    package8866 (1.0.0)
    package8867 (1.0.0)
    package8868 (1.0.0)
    package8869 (1.0.0)
    package8870 (1.0.0)
    package8871 (1.0.0)
    package8872 (1.0.0)
    package8873 (1.0.0)
    package8874 (1.0.0)
    package8875 (1.0.0)
    package8876 (1.0.0)
    package8877 (1.0.0)
    package8878 (1.0.0)
    package8879 (1.0.0)
    package8880 (1.0.0)
    package8881 (1.0.0)
    package8882 (1.0.0)
    package8883 (1.0.0)
    package8884 (1.0.0)
    package8885 (1.0.0)
    package8886 (1.0.0)
    package8887 (1.0.0)
    package8888 (1.0.0)
    package8889 (1.0.0)
    package8890 (1.0.0)
    package8891 (1.0.0)
    package8892 (1.0.0)
    package8893 (1.0.0)
    package8894 (1.0.0)
    package8895 (1.0.0)
    package8896 (1.0.0)
    package8897 (1.0.0)
    package8898 (1.0.0)
    package8899 (1.0.0)
    package8900 (1.0.0)
    package8901 (1.0.0)
    package8902 (1.0.0)
    package8903 (1.0.0)
    package8904 (1.0.0)
    package8905 (1.0.0)
    package8906 (1.0.0)
    package8907 (1.0.0)
    package8908 (1.0.0)
    package8909 (1.0.0)
    package8910 (1.0.0)
    package8911 (1.0.0)
    package8912 (1.0.0)
    package8913 (1.0.0)
    package8914 (1.0.0)
    package8915 (1.0.0)
    package8916 (1.0.0)
    package8917 (1.0.0)
    package8918 (1.0.0)
    package8919 (1.0.0)
    package8920 (1.0.0)
    package8921 (1.0.0)
    package8922 (1.0.0)
    package8923 (1.0.0)
    package8924 (1.0.0)
    package8925 (1.0.0)
    package8926 (1.0.0)
    package8927 (1.0.0)
    package8928 (1.0.0)
    package8929 (1.0.0)
    package8930 (1.0.0)
    package8931 (1.0.0)
    package8932 (1.0.0)
    package8933 (1.0.0)
    package8934 (1.0.0)
    package8935 (1.0.0)
    package8936 (1.0.0)
    package8937 (1.0.0)
    package8938 (1.0.0)
    package8939 (1.0.0)
    package8940 (1.0.0)
    package8941 (1.0.0)
    package8942 (1.0.0)
    package8943 (1.0.0)
    package8944 (1.0.0)
    package8945 (1.0.0)
    package8946 (1.0.0)
    package8947 (1.0.0)
    package8948 (1.0.0)
    package8949 (1.0.0)
    package8950 (1.0.0)
    package8951 (1.0.0)
    package8952 (1.0.0)
    package8953 (1.0.0)
    package8954 (1.0.0)
    package8955 (1.0.0)
    package8956 (1.0.0)
    package8957 (1.0.0)
    package8958 (1.0.0)
    package8959 (1.0.0)
    package8960 (1.0.0)
    package8961 (1.0.0)
    package8962 (1.0.0)
    package8963 (1.0.0)
    package8964 (1.0.0)
    package8965 (1.0.0)
    package8966 (1.0.0)
    package8967 (1.0.0)
    package8968 (1.0.0)
    package8969 (1.0.0)
    package8970 (1.0.0)
    package8971 (1.0.0)
    package8972 (1.0.0)
    package8973 (1.0.0)
    package8974 (1.0.0)
    package8975 (1.0.0)
    package8976 (1.0.0)
    package8977 (1.0.0)
    package8978 (1.0.0)
    package8979 (1.0.0)
    package8980 (1.0.0)
    package8981 (1.0.0)
    package8982 (1.0.0)
    package8983 (1.0.0)
    package8984 (1.0.0)
    package8985 (1.0.0)
    package8986 (1.0.0)
    package8987 (1.0.0)
    package8988 (1.0.0)
    package8989 (1.0.0)
    package8990 (1.0.0)
    package8991 (1.0.0)
    package8992 (1.0.0)
    package8993 (1.0.0)
    package8994 (1.0.0)
    package8995 (1.0.0)
    package8996 (1.0.0)
    package8997 (1.0.0)
    package8998 (1.0.0)
    package8999 (1.0.0)
    package9000 (1.0.0)
    package9001 (1.0.0)
    package9002 (1.0.0)
    package9003 (1.0.0)
    package9004 (1.0.0)
    package9005 (1.0.0)
    package9006 (1.0.0)
    package9007 (1.0.0)
    package9008 (1.0.0)
    package9009 (1.0.0)
    package9010 (1.0.0)
    package9011 (1.0.0)
    package9012 (1.0.0)
    package9013 (1.0.0)
    package9014 (1.0.0)
    package9015 (1.0.0)
    package9016 (1.0.0)
    package9017 (1.0.0)
    package9018 (1.0.0)
    package9019 (1.0.0)
    package9020 (1.0.0)
    package9021 (1.0.0)
    package9022 (1.0.0)
    package9023 (1.0.0)
    package9024 (1.0.0)
    package9025 (1.0.0)
    package9026 (1.0.0)
    package9027 (1.0.0)
    package9028 (1.0.0)
    package9029 (1.0.0)
    package9030 (1.0.0)
    package9031 (1.0.0)
    package9032 (1.0.0)
    package9033 (1.0.0)
    package9034 (1.0.0)
    package9035 (1.0.0)
    package9036 (1.0.0)
    package9037 (1.0.0)
    package9038 (1.0.0)
    package9039 (1.0.0)
    package9040 (1.0.0)
    package9041 (1.0.0)
    package9042 (1.0.0)
    package9043 (1.0.0)
    package9044 (1.0.0)
    package9045 (1.0.0)
    package9046 (1.0.0)
    package9047 (1.0.0)
    package9048 (1.0.0)
    package9049 (1.0.0)
    package9050 (1.0.0)
    package9051 (1.0.0)
    package9052 (1.0.0)
    package9053 (1.0.0)
    package9054 (1.0.0)
    package9055 (1.0.0)
    package9056 (1.0.0)
    package9057 (1.0.0)
    package9058 (1.0.0)
    package9059 (1.0.0)
    package9060 (1.0.0)
    package9061 (1.0.0)
    package9062 (1.0.0)
    package9063 (1.0.0)
    package9064 (1.0.0)
    package9065 (1.0.0)
    package9066 (1.0.0)
    package9067 (1.0.0)
    package9068 (1.0.0)
    package9069 (1.0.0)
    package9070 (1.0.0)
    package9071 (1.0.0)
    package9072 (1.0.0)
    package9073 (1.0.0)
    package9074 (1.0.0)
    package9075 (1.0.0)
    package9076 (1.0.0)
    package9077 (1.0.0)
    package9078 (1.0.0)
    package9079 (1.0.0)
    package9080 (1.0.0)
    package9081 (1.0.0)
    package9082 (1.0.0)
    package9083 (1.0.0)
    package9084 (1.0.0)
    package9085 (1.0.0)
    package9086 (1.0.0)
    package9087 (1.0.0)
    package9088 (1.0.0)
    package9089 (1.0.0)
    package9090 (1.0.0)
    package9091 (1.0.0)
    package9092 (1.0.0)
    package9093 (1.0.0)
    package9094 (1.0.0)
    package9095 (1.0.0)
    package9096 (1.0.0)
    package9097 (1.0.0)
    package9098 (1.0.0)
    package9099 (1.0.0)
    package9100 (1.0.0)
    package9101 (1.0.0)
    package9102 (1.0.0)
    package9103 (1.0.0)
    package9104 (1.0.0)
    package9105 (1.0.0)
    package9106 (1.0.0)
    package9107 (1.0.0)
    package9108 (1.0.0)
    package9109 (1.0.0)
    package9110 (1.0.0)
    package9111 (1.0.0)
    package9112 (1.0.0)
    package9113 (1.0.0)
    package9114 (1.0.0)
    package9115 (1.0.0)
    package9116 (1.0.0)
    package9117 (1.0.0)
    package9118 (1.0.0)
    package9119 (1.0.0)
    package9120 (1.0.0)
    package9121 (1.0.0)
    package9122 (1.0.0)
    package9123 (1.0.0)
    package9124 (1.0.0)
    package9125 (1.0.0)
    package9126 (1.0.0)
    package9127 (1.0.0)
    package9128 (1.0.0)
    package9129 (1.0.0)
    package9130 (1.0.0)
    package9131 (1.0.0)
    package9132 (1.0.0)
    package9133 (1.0.0)
    package9134 (1.0.0)
    package9135 (1.0.0)
    package9136 (1.0.0)
    package9137 (1.0.0)
    package9138 (1.0.0)
    package9139 (1.0.0)
    package9140 (1.0.0)
    package9141 (1.0.0)
    package9142 (1.0.0)
    package9143 (1.0.0)
    package9144 (1.0.0)
    package9145 (1.0.0)
    package9146 (1.0.0)
    package9147 (1.0.0)
    package9148 (1.0.0)
    package9149 (1.0.0)
    package9150 (1.0.0)
    package9151 (1.0.0)
    package9152 (1.0.0)
    package9153 (1.0.0)
    package9154 (1.0.0)
    package9155 (1.0.0)
    package9156 (1.0.0)
    package9157 (1.0.0)
    package9158 (1.0.0)
    package9159 (1.0.0)
    package9160 (1.0.0)
    package9161 (1.0.0)
    package9162 (1.0.0)
    package9163 (1.0.0)
    package9164 (1.0.0)
    package9165 (1.0.0)
    package9166 (1.0.0)
    package9167 (1.0.0)
    package9168 (1.0.0)
    package9169 (1.0.0)
    package9170 (1.0.0)
    package9171 (1.0.0)
    package9172 (1.0.0)
    package9173 (1.0.0)
    package9174 (1.0.0)
    package9175 (1.0.0)
    package9176 (1.0.0)
    package9177 (1.0.0)
    package9178 (1.0.0)
    package9179 (1.0.0)
    package9180 (1.0.0)
    package9181 (1.0.0)
    package9182 (1.0.0)
    package9183 (1.0.0)
    package9184 (1.0.0)
    package9185 (1.0.0)
    package9186 (1.0.0)
    package9187 (1.0.0)
    package9188 (1.0.0)
    package9189 (1.0.0)
    package9190 (1.0.0)
    package9191 (1.0.0)
    package9192 (1.0.0)
    package9193 (1.0.0)
    package9194 (1.0.0)
    package9195 (1.0.0)
    package9196 (1.0.0)
    package9197 (1.0.0)
    package9198 (1.0.0)
    package9199 (1.0.0)
    package9200 (1.0.0)
    package9201 (1.0.0)
    package9202 (1.0.0)
    package9203 (1.0.0)
    package9204 (1.0.0)
    package9205 (1.0.0)
    package9206 (1.0.0)
    package9207 (1.0.0)
    package9208 (1.0.0)
    package9209 (1.0.0)
    package9210 (1.0.0)
    package9211 (1.0.0)
    package9212 (1.0.0)
    package9213 (1.0.0)
    package9214 (1.0.0)
    package9215 (1.0.0)
    package9216 (1.0.0)
    package9217 (1.0.0)
    package9218 (1.0.0)
    package9219 (1.0.0)
    package9220 (1.0.0)
    package9221 (1.0.0)
    package9222 (1.0.0)
    package9223 (1.0.0)
    package9224 (1.0.0)
    package9225 (1.0.0)
    package9226 (1.0.0)
    package9227 (1.0.0)
    package9228 (1.0.0)
    package9229 (1.0.0)
    package9230 (1.0.0)
    package9231 (1.0.0)
    package9232 (1.0.0)
    package9233 (1.0.0)
    package9234 (1.0.0)
    package9235 (1.0.0)
    package9236 (1.0.0)
    package9237 (1.0.0)
    package9238 (1.0.0)
    package9239 (1.0.0)
    package9240 (1.0.0)
    package9241 (1.0.0)
    package9242 (1.0.0)
    package9243 (1.0.0)
    package9244 (1.0.0)
    package9245 (1.0.0)
    package9246 (1.0.0)
    package9247 (1.0.0)
    package9248 (1.0.0)
    package9249 (1.0.0)
    package9250 (1.0.0)
    package9251 (1.0.0)
    package9252 (1.0.0)
    package9253 (1.0.0)
    package9254 (1.0.0)
    package9255 (1.0.0)
    package9256 (1.0.0)
    package9257 (1.0.0)
    package9258 (1.0.0)
    package9259 (1.0.0)
    package9260 (1.0.0)
    package9261 (1.0.0)
    package9262 (1.0.0)
    package9263 (1.0.0)
    package9264 (1.0.0)
    package9265 (1.0.0)
    package9266 (1.0.0)
    package9267 (1.0.0)
    package9268 (1.0.0)
    package9269 (1.0.0)
    package9270 (1.0.0)
    package9271 (1.0.0)
    package9272 (1.0.0)
    package9273 (1.0.0)
    package9274 (1.0.0)
    package9275 (1.0.0)
    package9276 (1.0.0)
    package9277 (1.0.0)
    package9278 (1.0.0)
    package9279 (1.0.0)
    package9280 (1.0.0)
    package9281 (1.0.0)
    package9282 (1.0.0)
    package9283 (1.0.0)
    package9284 (1.0.0)
    package9285 (1.0.0)
    package9286 (1.0.0)
    package9287 (1.0.0)
    package9288 (1.0.0)
    package9289 (1.0.0)
    package9290 (1.0.0)
    package9291 (1.0.0)
    package9292 (1.0.0)
    package9293 (1.0.0)
    package9294 (1.0.0)
    package9295 (1.0.0)
    package9296 (1.0.0)
    package9297 (1.0.0)
    package9298 (1.0.0)
    package9299 (1.0.0)
    package9300 (1.0.0)
    package9301 (1.0.0)
    package9302 (1.0.0)
    package9303 (1.0.0)
    package9304 (1.0.0)
    package9305 (1.0.0)
    package9306 (1.0.0)
    package9307 (1.0.0)
    package9308 (1.0.0)
    package9309 (1.0.0)
    package9310 (1.0.0)
    package9311 (1.0.0)
    package9312 (1.0.0)
    package9313 (1.0.0)
    package9314 (1.0.0)
    package9315 (1.0.0)
    package9316 (1.0.0)
    package9317 (1.0.0)
    package9318 (1.0.0)
    package9319 (1.0.0)
    package9320 (1.0.0)
    package9321 (1.0.0)
    package9322 (1.0.0)
    package9323 (1.0.0)
    package9324 (1.0.0)
    package9325 (1.0.0)
    package9326 (1.0.0)
    package9327 (1.0.0)
    package9328 (1.0.0)
    package9329 (1.0.0)
    package9330 (1.0.0)
    package9331 (1.0.0)
    package9332 (1.0.0)
    package9333 (1.0.0)
    package9334 (1.0.0)
    package9335 (1.0.0)
    package9336 (1.0.0)
    package9337 (1.0.0)
    package9338 (1.0.0)
    package9339 (1.0.0)
    package9340 (1.0.0)
    package9341 (1.0.0)
    package9342 (1.0.0)
    package9343 (1.0.0)
    package9344 (1.0.0)
    package9345 (1.0.0)
    package9346 (1.0.0)
    package9347 (1.0.0)
    package9348 (1.0.0)
    package9349 (1.0.0)
    package9350 (1.0.0)
    package9351 (1.0.0)
    package9352 (1.0.0)
    package9353 (1.0.0)
    package9354 (1.0.0)
    package9355 (1.0.0)
    package9356 (1.0.0)
    package9357 (1.0.0)
    package9358 (1.0.0)
    package9359 (1.0.0)
    package9360 (1.0.0)
    package9361 (1.0.0)
    package9362 (1.0.0)
    package9363 (1.0.0)
    package9364 (1.0.0)
    package9365 (1.0.0)
    package9366 (1.0.0)
    package9367 (1.0.0)
    package9368 (1.0.0)
    package9369 (1.0.0)
    package9370 (1.0.0)
    package9371 (1.0.0)
    package9372 (1.0.0)
    package9373 (1.0.0)
    package9374 (1.0.0)
    package9375 (1.0.0)
    package9376 (1.0.0)
    package9377 (1.0.0)
    package9378 (1.0.0)
    package9379 (1.0.0)
    package9380 (1.0.0)
    package9381 (1.0.0)
    package9382 (1.0.0)
    package9383 (1.0.0)
    package9384 (1.0.0)
    package9385 (1.0.0)
    package9386 (1.0.0)
    package9387 (1.0.0)
    package9388 (1.0.0)
    package9389 (1.0.0)
    package9390 (1.0.0)
    package9391 (1.0.0)
    package9392 (1.0.0)
    package9393 (1.0.0)
    package9394 (1.0.0)
    package9395 (1.0.0)
    package9396 (1.0.0)
    package9397 (1.0.0)
    package9398 (1.0.0)
    package9399 (1.0.0)
    package9400 (1.0.0)
    package9401 (1.0.0)
    package9402 (1.0.0)
    package9403 (1.0.0)
    package9404 (1.0.0)
    package9405 (1.0.0)
    package9406 (1.0.0)
    package9407 (1.0.0)
    package9408 (1.0.0)
    package9409 (1.0.0)
    package9410 (1.0.0)
    package9411 (1.0.0)
    package9412 (1.0.0)
    package9413 (1.0.0)
    package9414 (1.0.0)
    package9415 (1.0.0)
    package9416 (1.0.0)
    package9417 (1.0.0)
    package9418 (1.0.0)
    package9419 (1.0.0)
    package9420 (1.0.0)
    package9421 (1.0.0)
    package9422 (1.0.0)
    package9423 (1.0.0)
    package9424 (1.0.0)
    package9425 (1.0.0)
    package9426 (1.0.0)
    package9427 (1.0.0)
    package9428 (1.0.0)
    package9429 (1.0.0)
    package9430 (1.0.0)
    package9431 (1.0.0)
    package9432 (1.0.0)
    package9433 (1.0.0)
    package9434 (1.0.0)
    package9435 (1.0.0)
    package9436 (1.0.0)
    package9437 (1.0.0)
    package9438 (1.0.0)
    package9439 (1.0.0)
    package9440 (1.0.0)
    package9441 (1.0.0)
    package9442 (1.0.0)
    package9443 (1.0.0)
    package9444 (1.0.0)
    package9445 (1.0.0)
    package9446 (1.0.0)
    package9447 (1.0.0)
    package9448 (1.0.0)
    package9449 (1.0.0)
    package9450 (1.0.0)
    package9451 (1.0.0)
    package9452 (1.0.0)
    package9453 (1.0.0)
    package9454 (1.0.0)
    package9455 (1.0.0)
    package9456 (1.0.0)
    package9457 (1.0.0)
    package9458 (1.0.0)
    package9459 (1.0.0)
    package9460 (1.0.0)
    package9461 (1.0.0)
    package9462 (1.0.0)
    package9463 (1.0.0)
    package9464 (1.0.0)
    package9465 (1.0.0)
    package9466 (1.0.0)
    package9467 (1.0.0)
    package9468 (1.0.0)
    package9469 (1.0.0)
    package9470 (1.0.0)
    package9471 (1.0.0)
    package9472 (1.0.0)
    package9473 (1.0.0)
    package9474 (1.0.0)
    package9475 (1.0.0)
    package9476 (1.0.0)
    package9477 (1.0.0)
    package9478 (1.0.0)
    package9479 (1.0.0)
    package9480 (1.0.0)
    package9481 (1.0.0)
    package9482 (1.0.0)
    package9483 (1.0.0)
    package9484 (1.0.0)
    package9485 (1.0.0)
    package9486 (1.0.0)
    package9487 (1.0.0)
    package9488 (1.0.0)
    package9489 (1.0.0)
    package9490 (1.0.0)
    package9491 (1.0.0)
    package9492 (1.0.0)
    package9493 (1.0.0)
    package9494 (1.0.0)
    package9495 (1.0.0)
    package9496 (1.0.0)
    package9497 (1.0.0)
    package9498 (1.0.0)
    package9499 (1.0.0)
    package9500 (1.0.0)
    package9501 (1.0.0)
    package9502 (1.0.0)
    package9503 (1.0.0)
    package9504 (1.0.0)
    package9505 (1.0.0)
    package9506 (1.0.0)
    package9507 (1.0.0)
    package9508 (1.0.0)
    package9509 (1.0.0)
    package9510 (1.0.0)
    package9511 (1.0.0)
    package9512 (1.0.0)
    package9513 (1.0.0)
    package9514 (1.0.0)
    package9515 (1.0.0)
    package9516 (1.0.0)
    package9517 (1.0.0)
    package9518 (1.0.0)
    package9519 (1.0.0)
    package9520 (1.0.0)
    package9521 (1.0.0)
    package9522 (1.0.0)
    package9523 (1.0.0)
    package9524 (1.0.0)
    package9525 (1.0.0)
    package9526 (1.0.0)
    package9527 (1.0.0)
    package9528 (1.0.0)
    package9529 (1.0.0)
    package9530 (1.0.0)
    package9531 (1.0.0)
    package9532 (1.0.0)
    package9533 (1.0.0)
    package9534 (1.0.0)
    package9535 (1.0.0)
    package9536 (1.0.0)
    package9537 (1.0.0)
    package9538 (1.0.0)
    package9539 (1.0.0)
    package9540 (1.0.0)
    package9541 (1.0.0)
    package9542 (1.0.0)
    package9543 (1.0.0)
    package9544 (1.0.0)
    package9545 (1.0.0)
    package9546 (1.0.0)
    package9547 (1.0.0)
    package9548 (1.0.0)
    package9549 (1.0.0)
    package9550 (1.0.0)
    package9551 (1.0.0)
    package9552 (1.0.0)
    package9553 (1.0.0)
    package9554 (1.0.0)
    package9555 (1.0.0)
    package9556 (1.0.0)
    package9557 (1.0.0)
    package9558 (1.0.0)
    package9559 (1.0.0)
    package9560 (1.0.0)
    package9561 (1.0.0)
    package9562 (1.0.0)
    package9563 (1.0.0)
    package9564 (1.0.0)
    package9565 (1.0.0)
    package9566 (1.0.0)
    package9567 (1.0.0)
    package9568 (1.0.0)
    package9569 (1.0.0)
    package9570 (1.0.0)
    package9571 (1.0.0)
    package9572 (1.0.0)
    package9573 (1.0.0)
    package9574 (1.0.0)
    package9575 (1.0.0)
    package9576 (1.0.0)
    package9577 (1.0.0)
    package9578 (1.0.0)
    package9579 (1.0.0)
    package9580 (1.0.0)
    package9581 (1.0.0)
    package9582 (1.0.0)
    package9583 (1.0.0)
    package9584 (1.0.0)
    package9585 (1.0.0)
    package9586 (1.0.0)
    package9587 (1.0.0)
    package9588 (1.0.0)
    package9589 (1.0.0)
    package9590 (1.0.0)
    package9591 (1.0.0)
    package9592 (1.0.0)
    package9593 (1.0.0)
    package9594 (1.0.0)
    package9595 (1.0.0)
    package9596 (1.0.0)
    package9597 (1.0.0)
    package9598 (1.0.0)
    package9599 (1.0.0)
    package9600 (1.0.0)
    package9601 (1.0.0)
    package9602 (1.0.0)
    package9603 (1.0.0)
    package9604 (1.0.0)
    package9605 (1.0.0)
    package9606 (1.0.0)
    package9607 (1.0.0)
    package9608 (1.0.0)
    package9609 (1.0.0)
    package9610 (1.0.0)
    package9611 (1.0.0)
    package9612 (1.0.0)
    package9613 (1.0.0)
    package9614 (1.0.0)
    package9615 (1.0.0)
    package9616 (1.0.0)
    package9617 (1.0.0)
    package9618 (1.0.0)
    package9619 (1.0.0)
    package9620 (1.0.0)
    package9621 (1.0.0)
    package9622 (1.0.0)
    package9623 (1.0.0)
    package9624 (1.0.0)
    package9625 (1.0.0)
    package9626 (1.0.0)
    package9627 (1.0.0)
    package9628 (1.0.0)
    package9629 (1.0.0)
    package9630 (1.0.0)
    package9631 (1.0.0)
    package9632 (1.0.0)
    package9633 (1.0.0)
    package9634 (1.0.0)
    package9635 (1.0.0)
    package9636 (1.0.0)
    package9637 (1.0.0)
    package9638 (1.0.0)
    package9639 (1.0.0)
    package9640 (1.0.0)
    package9641 (1.0.0)
    package9642 (1.0.0)
    package9643 (1.0.0)
    package9644 (1.0.0)
    package9645 (1.0.0)
    package9646 (1.0.0)
    package9647 (1.0.0)
    package9648 (1.0.0)
    package9649 (1.0.0)
    package9650 (1.0.0)
    package9651 (1.0.0)
    package9652 (1.0.0)
    package9653 (1.0.0)
    package9654 (1.0.0)
    package9655 (1.0.0)
    package9656 (1.0.0)
    package9657 (1.0.0)
    package9658 (1.0.0)
    package9659 (1.0.0)
    package9660 (1.0.0)
    package9661 (1.0.0)
    package9662 (1.0.0)
    package9663 (1.0.0)
    package9664 (1.0.0)
    package9665 (1.0.0)
    package9666 (1.0.0)
    package9667 (1.0.0)
    package9668 (1.0.0)
    package9669 (1.0.0)
    package9670 (1.0.0)
    package9671 (1.0.0)
    package9672 (1.0.0)
    package9673 (1.0.0)
    package9674 (1.0.0)
    package9675 (1.0.0)
    package9676 (1.0.0)
    package9677 (1.0.0)
    package9678 (1.0.0)
    package9679 (1.0.0)
    package9680 (1.0.0)
    package9681 (1.0.0)
    package9682 (1.0.0)
    package9683 (1.0.0)
    package9684 (1.0.0)
    package9685 (1.0.0)
    package9686 (1.0.0)
    package9687 (1.0.0)
    package9688 (1.0.0)
    package9689 (1.0.0)
    package9690 (1.0.0)
    package9691 (1.0.0)
    package9692 (1.0.0)
    package9693 (1.0.0)
    package9694 (1.0.0)
    package9695 (1.0.0)
    package9696 (1.0.0)
    package9697 (1.0.0)
    package9698 (1.0.0)
    package9699 (1.0.0)
    package9700 (1.0.0)
    package9701 (1.0.0)
    package9702 (1.0.0)
    package9703 (1.0.0)
    package9704 (1.0.0)
    package9705 (1.0.0)
    package9706 (1.0.0)
    package9707 (1.0.0)
    package9708 (1.0.0)
    package9709 (1.0.0)
    package9710 (1.0.0)
    package9711 (1.0.0)
    package9712 (1.0.0)
    package9713 (1.0.0)
    package9714 (1.0.0)
    package9715 (1.0.0)
    package9716 (1.0.0)
    package9717 (1.0.0)
    package9718 (1.0.0)
    package9719 (1.0.0)
    package9720 (1.0.0)
    package9721 (1.0.0)
    package9722 (1.0.0)
    package9723 (1.0.0)
    package9724 (1.0.0)
    package9725 (1.0.0)
    package9726 (1.0.0)
    package9727 (1.0.0)
    package9728 (1.0.0)
    package9729 (1.0.0)
    package9730 (1.0.0)
    package9731 (1.0.0)
    package9732 (1.0.0)
    package9733 (1.0.0)
    package9734 (1.0.0)
    package9735 (1.0.0)
    package9736 (1.0.0)
    package9737 (1.0.0)
    package9738 (1.0.0)
    package9739 (1.0.0)
    package9740 (1.0.0)
    package9741 (1.0.0)
    package9742 (1.0.0)
    package9743 (1.0.0)
    package9744 (1.0.0)
    package9745 (1.0.0)
    package9746 (1.0.0)
    package9747 (1.0.0)
    package9748 (1.0.0)
    package9749 (1.0.0)
    package9750 (1.0.0)
    package9751 (1.0.0)
    package9752 (1.0.0)
    package9753 (1.0.0)
    package9754 (1.0.0)
    package9755 (1.0.0)
    package9756 (1.0.0)
    package9757 (1.0.0)
    package9758 (1.0.0)
    package9759 (1.0.0)
    package9760 (1.0.0)
    package9761 (1.0.0)
    package9762 (1.0.0)
    package9763 (1.0.0)
    package9764 (1.0.0)
    package9765 (1.0.0)
    package9766 (1.0.0)
    package9767 (1.0.0)
    package9768 (1.0.0)
    package9769 (1.0.0)
    package9770 (1.0.0)
    package9771 (1.0.0)
    package9772 (1.0.0)
    package9773 (1.0.0)
    package9774 (1.0.0)
    package9775 (1.0.0)
    package9776 (1.0.0)
    package9777 (1.0.0)
    package9778 (1.0.0)
    package9779 (1.0.0)
    package9780 (1.0.0)
    package9781 (1.0.0)
    package9782 (1.0.0)
    package9783 (1.0.0)
    package9784 (1.0.0)
    package9785 (1.0.0)
    package9786 (1.0.0)
    package9787 (1.0.0)
    package9788 (1.0.0)
    package9789 (1.0.0)
    package9790 (1.0.0)
    package9791 (1.0.0)
    package9792 (1.0.0)
    package9793 (1.0.0)
    package9794 (1.0.0)
    package9795 (1.0.0)
    package9796 (1.0.0)
    package9797 (1.0.0)
    package9798 (1.0.0)
    package9799 (1.0.0)
    package9800 (1.0.0)
    package9801 (1.0.0)
    package9802 (1.0.0)
    package9803 (1.0.0)
    package9804 (1.0.0)
    package9805 (1.0.0)
    package9806 (1.0.0)
    package9807 (1.0.0)
    package9808 (1.0.0)
    package9809 (1.0.0)
    package9810 (1.0.0)
    package9811 (1.0.0)
    package9812 (1.0.0)
    package9813 (1.0.0)
    package9814 (1.0.0)
    package9815 (1.0.0)
    package9816 (1.0.0)
    package9817 (1.0.0)
    package9818 (1.0.0)
    package9819 (1.0.0)
    package9820 (1.0.0)
    package9821 (1.0.0)
    package9822 (1.0.0)
    package9823 (1.0.0)
    package9824 (1.0.0)
    package9825 (1.0.0)
    package9826 (1.0.0)
    package9827 (1.0.0)
    package9828 (1.0.0)
    package9829 (1.0.0)
    package9830 (1.0.0)
    package9831 (1.0.0)
    package9832 (1.0.0)
    package9833 (1.0.0)
    package9834 (1.0.0)
    package9835 (1.0.0)
    package9836 (1.0.0)
    package9837 (1.0.0)
    package9838 (1.0.0)
    package9839 (1.0.0)
    package9840 (1.0.0)
    package9841 (1.0.0)
    package9842 (1.0.0)
    package9843 (1.0.0)
    package9844 (1.0.0)
    package9845 (1.0.0)
    package9846 (1.0.0)
    package9847 (1.0.0)
    package9848 (1.0.0)
    package9849 (1.0.0)
    package9850 (1.0.0)
    package9851 (1.0.0)
    package9852 (1.0.0)
    package9853 (1.0.0)
    package9854 (1.0.0)
    package9855 (1.0.0)
    package9856 (1.0.0)
    package9857 (1.0.0)
    package9858 (1.0.0)
    package9859 (1.0.0)
    package9860 (1.0.0)
    package9861 (1.0.0)
    package9862 (1.0.0)
    package9863 (1.0.0)
    package9864 (1.0.0)
    package9865 (1.0.0)
    package9866 (1.0.0)
    package9867 (1.0.0)
    package9868 (1.0.0)
    package9869 (1.0.0)
    package9870 (1.0.0)
    package9871 (1.0.0)
    package9872 (1.0.0)
    package9873 (1.0.0)
    package9874 (1.0.0)
    package9875 (1.0.0)
    package9876 (1.0.0)
    package9877 (1.0.0)
    package9878 (1.0.0)
    package9879 (1.0.0)
    package9880 (1.0.0)
    package9881 (1.0.0)
    package9882 (1.0.0)
    package9883 (1.0.0)
    package9884 (1.0.0)
    package9885 (1.0.0)
    package9886 (1.0.0)
    package9887 (1.0.0)
    package9888 (1.0.0)
    package9889 (1.0.0)
    package9890 (1.0.0)
    package9891 (1.0.0)
    package9892 (1.0.0)
    package9893 (1.0.0)
    package9894 (1.0.0)
    package9895 (1.0.0)
    package9896 (1.0.0)
    package9897 (1.0.0)
    package9898 (1.0.0)
    package9899 (1.0.0)
    package9900 (1.0.0)
    package9901 (1.0.0)
    package9902 (1.0.0)
    package9903 (1.0.0)
    package9904 (1.0.0)
    package9905 (1.0.0)
    package9906 (1.0.0)
    package9907 (1.0.0)
    package9908 (1.0.0)
    package9909 (1.0.0)
    package9910 (1.0.0)
    package9911 (1.0.0)
    package9912 (1.0.0)
    package9913 (1.0.0)
    package9914 (1.0.0)
    package9915 (1.0.0)
    package9916 (1.0.0)
    package9917 (1.0.0)
    package9918 (1.0.0)
    package9919 (1.0.0)
    package9920 (1.0.0)
    package9921 (1.0.0)
    package9922 (1.0.0)
    package9923 (1.0.0)
    package9924 (1.0.0)
    package9925 (1.0.0)
    package9926 (1.0.0)
    package9927 (1.0.0)
    package9928 (1.0.0)
    package9929 (1.0.0)
    package9930 (1.0.0)
    package9931 (1.0.0)
    package9932 (1.0.0)
    package9933 (1.0.0)
    package9934 (1.0.0)
    package9935 (1.0.0)
    package9936 (1.0.0)
    package9937 (1.0.0)
    package9938 (1.0.0)
    package9939 (1.0.0)
    package9940 (1.0.0)
    package9941 (1.0.0)
    package9942 (1.0.0)
    package9943 (1.0.0)
    package9944 (1.0.0)
    package9945 (1.0.0)
    package9946 (1.0.0)
    package9947 (1.0.0)
    package9948 (1.0.0)
    package9949 (1.0.0)
    package9950 (1.0.0)
    package9951 (1.0.0)
    package9952 (1.0.0)
    package9953 (1.0.0)
    package9954 (1.0.0)
    package9955 (1.0.0)
    package9956 (1.0.0)
    package9957 (1.0.0)
    package9958 (1.0.0)
    package9959 (1.0.0)
    package9960 (1.0.0)
    package9961 (1.0.0)
    package9962 (1.0.0)
    package9963 (1.0.0)
    package9964 (1.0.0)
    package9965 (1.0.0)
    package9966 (1.0.0)
    package9967 (1.0.0)
    package9968 (1.0.0)
    package9969 (1.0.0)
    package9970 (1.0.0)
    package9971 (1.0.0)
    package9972 (1.0.0)
    package9973 (1.0.0)
    package9974 (1.0.0)
    package9975 (1.0.0)
    package9976 (1.0.0)
    package9977 (1.0.0)
    package9978 (1.0.0)
    package9979 (1.0.0)
    package9980 (1.0.0)
    package9981 (1.0.0)
    package9982 (1.0.0)
    package9983 (1.0.0)
    package9984 (1.0.0)
    package9985 (1.0.0)
    package9986 (1.0.0)
    package9987 (1.0.0)
    package9988 (1.0.0)
    package9989 (1.0.0)
    package9990 (1.0.0)
    package9991 (1.0.0)
    package9992 (1.0.0)
    package9993 (1.0.0)
    package9994 (1.0.0)
    package9995 (1.0.0)
    package9996 (1.0.0)
    package9997 (1.0.0)
    package9998 (1.0.0)
    package9999 (1.0.0)
    package10000 (1.0.0)
    package10001 (1.0.0)
    package10002 (1.0.0)
    package10003 (1.0.0)
    package10004 (1.0.0)
    package10005 (1.0.0)
    package10006 (1.0.0)
    package10007 (1.0.0)
    package10008 (1.0.0)
    package10009 (1.0.0)
    package10010 (1.0.0)
    package10011 (1.0.0)
    package10012 (1.0.0)
    package10013 (1.0.0)
    package10014 (1.0.0)
    package10015 (1.0.0)
    package10016 (1.0.0)
    package10017 (1.0.0)
    package10018 (1.0.0)
    package10019 (1.0.0)
    package10020 (1.0.0)
    package10021 (1.0.0)
    package10022 (1.0.0)
    package10023 (1.0.0)
    package10024 (1.0.0)
    package10025 (1.0.0)
    package10026 (1.0.0)
    package10027 (1.0.0)
    package10028 (1.0.0)
    package10029 (1.0.0)
    package10030 (1.0.0)
    package10031 (1.0.0)
    package10032 (1.0.0)
    package10033 (1.0.0)
    package10034 (1.0.0)
    package10035 (1.0.0)
    package10036 (1.0.0)
    package10037 (1.0.0)
    package10038 (1.0.0)
    package10039 (1.0.0)
    package10040 (1.0.0)
    package10041 (1.0.0)
    package10042 (1.0.0)
    package10043 (1.0.0)
    package10044 (1.0.0)
    package10045 (1.0.0)
    package10046 (1.0.0)
    package10047 (1.0.0)
    package10048 (1.0.0)
    package10049 (1.0.0)
    package10050 (1.0.0)
    package10051 (1.0.0)
    package10052 (1.0.0)
    package10053 (1.0.0)
    package10054 (1.0.0)
    package10055 (1.0.0)
    package10056 (1.0.0)
    package10057 (1.0.0)
    package10058 (1.0.0)
    package10059 (1.0.0)
    package10060 (1.0.0)
    package10061 (1.0.0)
    package10062 (1.0.0)
    package10063 (1.0.0)
    package10064 (1.0.0)
    package10065 (1.0.0)
    package10066 (1.0.0)
    package10067 (1.0.0)
    package10068 (1.0.0)
    package10069 (1.0.0)
    package10070 (1.0.0)
    package10071 (1.0.0)
    package10072 (1.0.0)
    package10073 (1.0.0)
    package10074 (1.0.0)
    package10075 (1.0.0)
    package10076 (1.0.0)
    package10077 (1.0.0)
    package10078 (1.0.0)
    package10079 (1.0.0)
    package10080 (1.0.0)
    package10081 (1.0.0)
    package10082 (1.0.0)
    package10083 (1.0.0)
    package10084 (1.0.0)
    package10085 (1.0.0)
    package10086 (1.0.0)
    package10087 (1.0.0)
    package10088 (1.0.0)
    package10089 (1.0.0)
    package10090 (1.0.0)
    package10091 (1.0.0)
    package10092 (1.0.0)
    package10093 (1.0.0)
    package10094 (1.0.0)
    package10095 (1.0.0)
    package10096 (1.0.0)
    package10097 (1.0.0)
    package10098 (1.0.0)
    package10099 (1.0.0)
    package10100 (1.0.0)
    package10101 (1.0.0)
    package10102 (1.0.0)
    package10103 (1.0.0)
    package10104 (1.0.0)
    package10105 (1.0.0)
    package10106 (1.0.0)
    package10107 (1.0.0)
    package10108 (1.0.0)
    package10109 (1.0.0)
    package10110 (1.0.0)
    package10111 (1.0.0)
    package10112 (1.0.0)
    package10113 (1.0.0)
    package10114 (1.0.0)
    package10115 (1.0.0)
    package10116 (1.0.0)
    package10117 (1.0.0)
    package10118 (1.0.0)
    package10119 (1.0.0)
    package10120 (1.0.0)
    package10121 (1.0.0)
    package10122 (1.0.0)
    package10123 (1.0.0)
    package10124 (1.0.0)
    package10125 (1.0.0)
    package10126 (1.0.0)
    package10127 (1.0.0)
    package10128 (1.0.0)
    package10129 (1.0.0)
    package10130 (1.0.0)
    package10131 (1.0.0)
    package10132 (1.0.0)
    package10133 (1.0.0)
    package10134 (1.0.0)
    package10135 (1.0.0)
    package10136 (1.0.0)
    package10137 (1.0.0)
    package10138 (1.0.0)
    package10139 (1.0.0)
    package10140 (1.0.0)
    package10141 (1.0.0)
    package10142 (1.0.0)
    package10143 (1.0.0)
    package10144 (1.0.0)
    package10145 (1.0.0)
    package10146 (1.0.0)
    package10147 (1.0.0)
    package10148 (1.0.0)
    package10149 (1.0.0)
    package10150 (1.0.0)
    package10151 (1.0.0)
    package10152 (1.0.0)
    package10153 (1.0.0)
    package10154 (1.0.0)
    package10155 (1.0.0)
    package10156 (1.0.0)
    package10157 (1.0.0)
    package10158 (1.0.0)
    package10159 (1.0.0)
    package10160 (1.0.0)
    package10161 (1.0.0)
    package10162 (1.0.0)
    package10163 (1.0.0)
    package10164 (1.0.0)
    package10165 (1.0.0)
    package10166 (1.0.0)
    package10167 (1.0.0)
    package10168 (1.0.0)
    package10169 (1.0.0)
    package10170 (1.0.0)
    package10171 (1.0.0)
    package10172 (1.0.0)
    package10173 (1.0.0)
    package10174 (1.0.0)
    package10175 (1.0.0)
    package10176 (1.0.0)
    package10177 (1.0.0)
    package10178 (1.0.0)
    package10179 (1.0.0)
    package10180 (1.0.0)
    package10181 (1.0.0)
    package10182 (1.0.0)
    package10183 (1.0.0)
    package10184 (1.0.0)
    package10185 (1.0.0)
    package10186 (1.0.0)
    package10187 (1.0.0)
    package10188 (1.0.0)
    package10189 (1.0.0)
    package10190 (1.0.0)
    package10191 (1.0.0)
    package10192 (1.0.0)
    package10193 (1.0.0)
    package10194 (1.0.0)
    package10195 (1.0.0)
    package10196 (1.0.0)
    package10197 (1.0.0)
    package10198 (1.0.0)
    package10199 (1.0.0)
    package10200 (1.0.0)
    package10201 (1.0.0)
    package10202 (1.0.0)
    package10203 (1.0.0)
    package10204 (1.0.0)
    package10205 (1.0.0)
    package10206 (1.0.0)
    package10207 (1.0.0)
    package10208 (1.0.0)
    package10209 (1.0.0)
    package10210 (1.0.0)
    package10211 (1.0.0)
    package10212 (1.0.0)
    package10213 (1.0.0)
    package10214 (1.0.0)
    package10215 (1.0.0)
    package10216 (1.0.0)
    package10217 (1.0.0)
    package10218 (1.0.0)
    package10219 (1.0.0)
    package10220 (1.0.0)
    package10221 (1.0.0)
    package10222 (1.0.0)
    package10223 (1.0.0)
    package10224 (1.0.0)
    package10225 (1.0.0)
    package10226 (1.0.0)
    package10227 (1.0.0)
    package10228 (1.0.0)
    package10229 (1.0.0)
    package10230 (1.0.0)
    package10231 (1.0.0)
    package10232 (1.0.0)
    package10233 (1.0.0)
    package10234 (1.0.0)
    package10235 (1.0.0)
    package10236 (1.0.0)
    package10237 (1.0.0)
    package10238 (1.0.0)
    package10239 (1.0.0)
    package10240 (1.0.0)
    package10241 (1.0.0)
    package10242 (1.0.0)
    package10243 (1.0.0)
    package10244 (1.0.0)
    package10245 (1.0.0)
    package10246 (1.0.0)
    package10247 (1.0.0)
    package10248 (1.0.0)
    package10249 (1.0.0)
    package10250 (1.0.0)
    package10251 (1.0.0)
    package10252 (1.0.0)
    package10253 (1.0.0)
    package10254 (1.0.0)
    package10255 (1.0.0)
    package10256 (1.0.0)
    package10257 (1.0.0)
    package10258 (1.0.0)
    package10259 (1.0.0)
    package10260 (1.0.0)
    package10261 (1.0.0)
    package10262 (1.0.0)
    package10263 (1.0.0)
    package10264 (1.0.0)
    package10265 (1.0.0)
    package10266 (1.0.0)
    package10267 (1.0.0)
    package10268 (1.0.0)
    package10269 (1.0.0)
    package10270 (1.0.0)
    package10271 (1.0.0)
    package10272 (1.0.0)
    package10273 (1.0.0)
    package10274 (1.0.0)
    package10275 (1.0.0)
    package10276 (1.0.0)
    package10277 (1.0.0)
    package10278 (1.0.0)
    package10279 (1.0.0)
    package10280 (1.0.0)
    package10281 (1.0.0)
    package10282 (1.0.0)
    package10283 (1.0.0)
    package10284 (1.0.0)
    package10285 (1.0.0)
    package10286 (1.0.0)
    package10287 (1.0.0)
    package10288 (1.0.0)
    package10289 (1.0.0)
    package10290 (1.0.0)
    package10291 (1.0.0)
    package10292 (1.0.0)
    package10293 (1.0.0)
    package10294 (1.0.0)
    package10295 (1.0.0)
    package10296 (1.0.0)
    package10297 (1.0.0)
    package10298 (1.0.0)
    package10299 (1.0.0)
    package10300 (1.0.0)
    package10301 (1.0.0)
    package10302 (1.0.0)
    package10303 (1.0.0)
    package10304 (1.0.0)
    package10305 (1.0.0)
    package10306 (1.0.0)
    package10307 (1.0.0)
    package10308 (1.0.0)
    package10309 (1.0.0)
    package10310 (1.0.0)
    package10311 (1.0.0)
    package10312 (1.0.0)
    package10313 (1.0.0)
    package10314 (1.0.0)
    package10315 (1.0.0)
    package10316 (1.0.0)
    package10317 (1.0.0)
    package10318 (1.0.0)
    package10319 (1.0.0)
    package10320 (1.0.0)
    package10321 (1.0.0)
    package10322 (1.0.0)
    package10323 (1.0.0)
    package10324 (1.0.0)
    package10325 (1.0.0)
    package10326 (1.0.0)
    package10327 (1.0.0)
    package10328 (1.0.0)
    package10329 (1.0.0)
    package10330 (1.0.0)
    package10331 (1.0.0)
    package10332 (1.0.0)
    package10333 (1.0.0)
    package10334 (1.0.0)
    package10335 (1.0.0)
    package10336 (1.0.0)
    package10337 (1.0.0)
    package10338 (1.0.0)
    package10339 (1.0.0)
    package10340 (1.0.0)
    package10341 (1.0.0)
    package10342 (1.0.0)
    package10343 (1.0.0)
    package10344 (1.0.0)
    package10345 (1.0.0)
    package10346 (1.0.0)
    package10347 (1.0.0)
    package10348 (1.0.0)
    package10349 (1.0.0)
    package10350 (1.0.0)
    package10351 (1.0.0)
    package10352 (1.0.0)
    package10353 (1.0.0)
    package10354 (1.0.0)
    package10355 (1.0.0)
    package10356 (1.0.0)
    package10357 (1.0.0)
    package10358 (1.0.0)
    package10359 (1.0.0)
    package10360 (1.0.0)
    package10361 (1.0.0)
    package10362 (1.0.0)
    package10363 (1.0.0)
    package10364 (1.0.0)
    package10365 (1.0.0)
    package10366 (1.0.0)
    package10367 (1.0.0)
    package10368 (1.0.0)
    package10369 (1.0.0)
    package10370 (1.0.0)
    package10371 (1.0.0)
    package10372 (1.0.0)
    package10373 (1.0.0)
    package10374 (1.0.0)
    package10375 (1.0.0)
    package10376 (1.0.0)
    package10377 (1.0.0)
    package10378 (1.0.0)
    package10379 (1.0.0)
    package10380 (1.0.0)
    package10381 (1.0.0)
    package10382 (1.0.0)
    package10383 (1.0.0)
    package10384 (1.0.0)
    package10385 (1.0.0)
    package10386 (1.0.0)
    package10387 (1.0.0)
    package10388 (1.0.0)
    package10389 (1.0.0)
    package10390 (1.0.0)
    package10391 (1.0.0)
    package10392 (1.0.0)
    package10393 (1.0.0)
    package10394 (1.0.0)
    package10395 (1.0.0)
    package10396 (1.0.0)
    package10397 (1.0.0)
    package10398 (1.0.0)
    package10399 (1.0.0)
    package10400 (1.0.0)
    package10401 (1.0.0)
    package10402 (1.0.0)
    package10403 (1.0.0)
    package10404 (1.0.0)
    package10405 (1.0.0)
    package10406 (1.0.0)
    package10407 (1.0.0)
    package10408 (1.0.0)
    package10409 (1.0.0)
    package10410 (1.0.0)
    package10411 (1.0.0)
    package10412 (1.0.0)
    package10413 (1.0.0)
    package10414 (1.0.0)
    package10415 (1.0.0)
    package10416 (1.0.0)
    package10417 (1.0.0)
    package10418 (1.0.0)
    package10419 (1.0.0)
    package10420 (1.0.0)
    package10421 (1.0.0)
    package10422 (1.0.0)
    package10423 (1.0.0)
    package10424 (1.0.0)
    package10425 (1.0.0)
    package10426 (1.0.0)
    package10427 (1.0.0)
    package10428 (1.0.0)
    package10429 (1.0.0)
    package10430 (1.0.0)
    package10431 (1.0.0)
    package10432 (1.0.0)
    package10433 (1.0.0)
    package10434 (1.0.0)
    package10435 (1.0.0)
    package10436 (1.0.0)
    package10437 (1.0.0)
    package10438 (1.0.0)
    package10439 (1.0.0)
    package10440 (1.0.0)
    package10441 (1.0.0)
    package10442 (1.0.0)
    package10443 (1.0.0)
    package10444 (1.0.0)
    package10445 (1.0.0)
    package10446 (1.0.0)
    package10447 (1.0.0)
    package10448 (1.0.0)
    package10449 (1.0.0)
    package10450 (1.0.0)
    package10451 (1.0.0)
    package10452 (1.0.0)
    package10453 (1.0.0)
    package10454 (1.0.0)
    package10455 (1.0.0)
    package10456 (1.0.0)
    package10457 (1.0.0)
    package10458 (1.0.0)
    package10459 (1.0.0)
    package10460 (1.0.0)
    package10461 (1.0.0)
    package10462 (1.0.0)
    package10463 (1.0.0)
    package10464 (1.0.0)
    package10465 (1.0.0)
    package10466 (1.0.0)
    package10467 (1.0.0)
    package10468 (1.0.0)
    package10469 (1.0.0)
    package10470 (1.0.0)
    package10471 (1.0.0)
    package10472 (1.0.0)
    package10473 (1.0.0)
    package10474 (1.0.0)
    package10475 (1.0.0)
    package10476 (1.0.0)
    package10477 (1.0.0)
    package10478 (1.0.0)
    package10479 (1.0.0)
    package10480 (1.0.0)
    package10481 (1.0.0)
    package10482 (1.0.0)
    package10483 (1.0.0)
    package10484 (1.0.0)
    package10485 (1.0.0)
    package10486 (1.0.0)
    package10487 (1.0.0)
    package10488 (1.0.0)
    package10489 (1.0.0)
    package10490 (1.0.0)
    package10491 (1.0.0)
    package10492 (1.0.0)
    package10493 (1.0.0)
    package10494 (1.0.0)
    package10495 (1.0.0)
    package10496 (1.0.0)
    package10497 (1.0.0)
    package10498 (1.0.0)
    package10499 (1.0.0)
    package10500 (1.0.0)
    package10501 (1.0.0)
    package10502 (1.0.0)
    package10503 (1.0.0)
    package10504 (1.0.0)
    package10505 (1.0.0)
    package10506 (1.0.0)
    package10507 (1.0.0)
    package10508 (1.0.0)
    package10509 (1.0.0)
    package10510 (1.0.0)
    package10511 (1.0.0)
    package10512 (1.0.0)
    package10513 (1.0.0)
    package10514 (1.0.0)
    package10515 (1.0.0)
    package10516 (1.0.0)
    package10517 (1.0.0)
    package10518 (1.0.0)
    package10519 (1.0.0)
    package10520 (1.0.0)
    package10521 (1.0.0)
    package10522 (1.0.0)
    package10523 (1.0.0)
    package10524 (1.0.0)
    package10525 (1.0.0)
    package10526 (1.0.0)
    package10527 (1.0.0)
    package10528 (1.0.0)
    package10529 (1.0.0)
    package10530 (1.0.0)
    package10531 (1.0.0)
    package10532 (1.0.0)
    package10533 (1.0.0)
    package10534 (1.0.0)
    package10535 (1.0.0)
    package10536 (1.0.0)
    package10537 (1.0.0)
    package10538 (1.0.0)
    package10539 (1.0.0)
    package10540 (1.0.0)
    package10541 (1.0.0)
    package10542 (1.0.0)
    package10543 (1.0.0)
    package10544 (1.0.0)
    package10545 (1.0.0)
    package10546 (1.0.0)
    package10547 (1.0.0)
    package10548 (1.0.0)
    package10549 (1.0.0)
    package10550 (1.0.0)
    package10551 (1.0.0)
    package10552 (1.0.0)
    package10553 (1.0.0)
    package10554 (1.0.0)
    package10555 (1.0.0)
    package10556 (1.0.0)
    package10557 (1.0.0)
    package10558 (1.0.0)
    package10559 (1.0.0)
    package10560 (1.0.0)
    package10561 (1.0.0)
    package10562 (1.0.0)
    package10563 (1.0.0)
    package10564 (1.0.0)
    package10565 (1.0.0)
    package10566 (1.0.0)
    package10567 (1.0.0)
    package10568 (1.0.0)
    package10569 (1.0.0)
    package10570 (1.0.0)
    package10571 (1.0.0)
    package10572 (1.0.0)
    package10573 (1.0.0)
    package10574 (1.0.0)
    package10575 (1.0.0)
    package10576 (1.0.0)
    package10577 (1.0.0)
    package10578 (1.0.0)
    package10579 (1.0.0)
    package10580 (1.0.0)
    package10581 (1.0.0)
    package10582 (1.0.0)
    package10583 (1.0.0)
    package10584 (1.0.0)
    package10585 (1.0.0)
    package10586 (1.0.0)
    package10587 (1.0.0)
    package10588 (1.0.0)
    package10589 (1.0.0)
    package10590 (1.0.0)
    package10591 (1.0.0)
    package10592 (1.0.0)
    package10593 (1.0.0)
    package10594 (1.0.0)
    package10595 (1.0.0)
    package10596 (1.0.0)
    package10597 (1.0.0)
    package10598 (1.0.0)
    package10599 (1.0.0)
    package10600 (1.0.0)
    package10601 (1.0.0)
    package10602 (1.0.0)
    package10603 (1.0.0)
    package10604 (1.0.0)
    package10605 (1.0.0)
    package10606 (1.0.0)
    package10607 (1.0.0)
    package10608 (1.0.0)
    package10609 (1.0.0)
    package10610 (1.0.0)
    package10611 (1.0.0)
    package10612 (1.0.0)
    package10613 (1.0.0)
    package10614 (1.0.0)
    package10615 (1.0.0)
    package10616 (1.0.0)
    package10617 (1.0.0)
    package10618 (1.0.0)
    package10619 (1.0.0)
    package10620 (1.0.0)
    package10621 (1.0.0)
    package10622 (1.0.0)
    package10623 (1.0.0)
    package10624 (1.0.0)
    package10625 (1.0.0)
    package10626 (1.0.0)
    package10627 (1.0.0)
    package10628 (1.0.0)
    package10629 (1.0.0)
    package10630 (1.0.0)
    package10631 (1.0.0)
    package10632 (1.0.0)
    package10633 (1.0.0)
    package10634 (1.0.0)
    package10635 (1.0.0)
    package10636 (1.0.0)
    package10637 (1.0.0)
    package10638 (1.0.0)
    package10639 (1.0.0)
    package10640 (1.0.0)
    package10641 (1.0.0)
    package10642 (1.0.0)
    package10643 (1.0.0)
    package10644 (1.0.0)
    package10645 (1.0.0)
    package10646 (1.0.0)
    package10647 (1.0.0)
    package10648 (1.0.0)
    package10649 (1.0.0)
    package10650 (1.0.0)
    package10651 (1.0.0)
    package10652 (1.0.0)
    package10653 (1.0.0)
    package10654 (1.0.0)
    package10655 (1.0.0)
    package10656 (1.0.0)
    package10657 (1.0.0)
    package10658 (1.0.0)
    package10659 (1.0.0)
    package10660 (1.0.0)
    package10661 (1.0.0)
    package10662 (1.0.0)
    package10663 (1.0.0)
    package10664 (1.0.0)
    package10665 (1.0.0)
    package10666 (1.0.0)
    package10667 (1.0.0)
    package10668 (1.0.0)
    package10669 (1.0.0)
    package10670 (1.0.0)
    package10671 (1.0.0)
    package10672 (1.0.0)
    package10673 (1.0.0)
    package10674 (1.0.0)
    package10675 (1.0.0)
    package10676 (1.0.0)
    package10677 (1.0.0)
    package10678 (1.0.0)
    package10679 (1.0.0)
    package10680 (1.0.0)
    package10681 (1.0.0)
    package10682 (1.0.0)
    package10683 (1.0.0)
    package10684 (1.0.0)
    package10685 (1.0.0)
    package10686 (1.0.0)
    package10687 (1.0.0)
    package10688 (1.0.0)
    package10689 (1.0.0)
    package10690 (1.0.0)
    package10691 (1.0.0)
    package10692 (1.0.0)
    package10693 (1.0.0)
    package10694 (1.0.0)
    package10695 (1.0.0)
    package10696 (1.0.0)
    package10697 (1.0.0)
    package10698 (1.0.0)
    package10699 (1.0.0)
    package10700 (1.0.0)
    package10701 (1.0.0)
    package10702 (1.0.0)
    package10703 (1.0.0)
    package10704 (1.0.0)
    package10705 (1.0.0)
    package10706 (1.0.0)
    package10707 (1.0.0)
    package10708 (1.0.0)
    package10709 (1.0.0)
    package10710 (1.0.0)
    package10711 (1.0.0)
    package10712 (1.0.0)
    package10713 (1.0.0)
    package10714 (1.0.0)
    package10715 (1.0.0)
    package10716 (1.0.0)
    package10717 (1.0.0)
    package10718 (1.0.0)
    package10719 (1.0.0)
    package10720 (1.0.0)
    package10721 (1.0.0)
    package10722 (1.0.0)
    package10723 (1.0.0)
    package10724 (1.0.0)
    package10725 (1.0.0)
    package10726 (1.0.0)
    package10727 (1.0.0)
    package10728 (1.0.0)
    package10729 (1.0.0)
    package10730 (1.0.0)
    package10731 (1.0.0)
    package10732 (1.0.0)
    package10733 (1.0.0)
    package10734 (1.0.0)
    package10735 (1.0.0)
    package10736 (1.0.0)
    package10737 (1.0.0)
    package10738 (1.0.0)
    package10739 (1.0.0)
    package10740 (1.0.0)
    package10741 (1.0.0)
    package10742 (1.0.0)
    package10743 (1.0.0)
    package10744 (1.0.0)
    package10745 (1.0.0)
    package10746 (1.0.0)
    package10747 (1.0.0)
    package10748 (1.0.0)
    package10749 (1.0.0)
    package10750 (1.0.0)
    package10751 (1.0.0)
    package10752 (1.0.0)
    package10753 (1.0.0)
    package10754 (1.0.0)
    package10755 (1.0.0)
    package10756 (1.0.0)
    package10757 (1.0.0)
    package10758 (1.0.0)
    package10759 (1.0.0)
    package10760 (1.0.0)
    package10761 (1.0.0)
    package10762 (1.0.0)
    package10763 (1.0.0)
    package10764 (1.0.0)
    package10765 (1.0.0)
    package10766 (1.0.0)
    package10767 (1.0.0)
    package10768 (1.0.0)
    package10769 (1.0.0)
    package10770 (1.0.0)
    package10771 (1.0.0)
    package10772 (1.0.0)
    package10773 (1.0.0)
    package10774 (1.0.0)
    package10775 (1.0.0)
    package10776 (1.0.0)
    package10777 (1.0.0)
    package10778 (1.0.0)
    package10779 (1.0.0)
    package10780 (1.0.0)
    package10781 (1.0.0)
    package10782 (1.0.0)
    package10783 (1.0.0)
    package10784 (1.0.0)
    package10785 (1.0.0)
    package10786 (1.0.0)
    package10787 (1.0.0)
    package10788 (1.0.0)
    package10789 (1.0.0)
    package10790 (1.0.0)
    package10791 (1.0.0)
    package10792 (1.0.0)
    package10793 (1.0.0)
    package10794 (1.0.0)
    package10795 (1.0.0)
    package10796 (1.0.0)
    package10797 (1.0.0)
    package10798 (1.0.0)
    package10799 (1.0.0)
    package10800 (1.0.0)
    package10801 (1.0.0)
    package10802 (1.0.0)
    package10803 (1.0.0)
    package10804 (1.0.0)
    package10805 (1.0.0)
    package10806 (1.0.0)
    package10807 (1.0.0)
    package10808 (1.0.0)
    package10809 (1.0.0)
    package10810 (1.0.0)
    package10811 (1.0.0)
    package10812 (1.0.0)
    package10813 (1.0.0)
    package10814 (1.0.0)
    package10815 (1.0.0)
    package10816 (1.0.0)
    package10817 (1.0.0)
    package10818 (1.0.0)
    package10819 (1.0.0)
    package10820 (1.0.0)
    package10821 (1.0.0)
    package10822 (1.0.0)
    package10823 (1.0.0)
    package10824 (1.0.0)
    package10825 (1.0.0)
    package10826 (1.0.0)
    package10827 (1.0.0)
    package10828 (1.0.0)
    package10829 (1.0.0)
    package10830 (1.0.0)
    package10831 (1.0.0)
    package10832 (1.0.0)
    package10833 (1.0.0)
    package10834 (1.0.0)
    package10835 (1.0.0)
    package10836 (1.0.0)
    package10837 (1.0.0)
    package10838 (1.0.0)
    package10839 (1.0.0)
    package10840 (1.0.0)
    package10841 (1.0.0)
    package10842 (1.0.0)
    package10843 (1.0.0)
    package10844 (1.0.0)
    package10845 (1.0.0)
    package10846 (1.0.0)
    package10847 (1.0.0)
    package10848 (1.0.0)
    package10849 (1.0.0)
    package10850 (1.0.0)
    package10851 (1.0.0)
    package10852 (1.0.0)
    package10853 (1.0.0)
    package10854 (1.0.0)
    package10855 (1.0.0)
    package10856 (1.0.0)
    package10857 (1.0.0)
    package10858 (1.0.0)
    package10859 (1.0.0)
    package10860 (1.0.0)
    package10861 (1.0.0)
    package10862 (1.0.0)
    package10863 (1.0.0)
    package10864 (1.0.0)
    package10865 (1.0.0)
    package10866 (1.0.0)
    package10867 (1.0.0)
    package10868 (1.0.0)
    package10869 (1.0.0)
    package10870 (1.0.0)
    package10871 (1.0.0)
    package10872 (1.0.0)
    package10873 (1.0.0)
    package10874 (1.0.0)
    package10875 (1.0.0)
    package10876 (1.0.0)
    package10877 (1.0.0)
    package10878 (1.0.0)
    package10879 (1.0.0)
    package10880 (1.0.0)
    package10881 (1.0.0)
    package10882 (1.0.0)
    package10883 (1.0.0)
    package10884 (1.0.0)
    package10885 (1.0.0)
    package10886 (1.0.0)
    package10887 (1.0.0)
    package10888 (1.0.0)
    package10889 (1.0.0)
    package10890 (1.0.0)
    package10891 (1.0.0)
    package10892 (1.0.0)
    package10893 (1.0.0)
    package10894 (1.0.0)
    package10895 (1.0.0)
    package10896 (1.0.0)
    package10897 (1.0.0)
    package10898 (1.0.0)
    package10899 (1.0.0)
    package10900 (1.0.0)
    package10901 (1.0.0)
    package10902 (1.0.0)
    package10903 (1.0.0)
    package10904 (1.0.0)
    package10905 (1.0.0)
    package10906 (1.0.0)
    package10907 (1.0.0)
    package10908 (1.0.0)
    package10909 (1.0.0)
    package10910 (1.0.0)
    package10911 (1.0.0)
    package10912 (1.0.0)
    package10913 (1.0.0)
    package10914 (1.0.0)
    package10915 (1.0.0)
    package10916 (1.0.0)
    package10917 (1.0.0)
    package10918 (1.0.0)
    package10919 (1.0.0)
    package10920 (1.0.0)
    package10921 (1.0.0)
    package10922 (1.0.0)
    package10923 (1.0.0)
    package10924 (1.0.0)
    package10925 (1.0.0)
    package10926 (1.0.0)
    package10927 (1.0.0)
    package10928 (1.0.0)
    package10929 (1.0.0)
    package10930 (1.0.0)
    package10931 (1.0.0)
    package10932 (1.0.0)
    package10933 (1.0.0)
    package10934 (1.0.0)
    package10935 (1.0.0)
    package10936 (1.0.0)
    package10937 (1.0.0)
    package10938 (1.0.0)
    package10939 (1.0.0)
    package10940 (1.0.0)
    package10941 (1.0.0)
    package10942 (1.0.0)
    package10943 (1.0.0)
    package10944 (1.0.0)
    package10945 (1.0.0)
    package10946 (1.0.0)
    package10947 (1.0.0)
    package10948 (1.0.0)
    package10949 (1.0.0)
    package10950 (1.0.0)
    package10951 (1.0.0)
    package10952 (1.0.0)
    package10953 (1.0.0)
    package10954 (1.0.0)
    package10955 (1.0.0)
    package10956 (1.0.0)
    package10957 (1.0.0)
    package10958 (1.0.0)
    package10959 (1.0.0)
    package10960 (1.0.0)
    package10961 (1.0.0)
    package10962 (1.0.0)
    package10963 (1.0.0)
    package10964 (1.0.0)
    package10965 (1.0.0)
    package10966 (1.0.0)
    package10967 (1.0.0)
    package10968 (1.0.0)
    package10969 (1.0.0)
    package10970 (1.0.0)
    package10971 (1.0.0)
    package10972 (1.0.0)
    package10973 (1.0.0)
    package10974 (1.0.0)
    package10975 (1.0.0)
    package10976 (1.0.0)
    package10977 (1.0.0)
    package10978 (1.0.0)
    package10979 (1.0.0)
    package10980 (1.0.0)
    package10981 (1.0.0)
    package10982 (1.0.0)
    package10983 (1.0.0)
    package10984 (1.0.0)
    package10985 (1.0.0)
    package10986 (1.0.0)
    package10987 (1.0.0)
    package10988 (1.0.0)
    package10989 (1.0.0)
    package10990 (1.0.0)
    package10991 (1.0.0)
    package10992 (1.0.0)
    package10993 (1.0.0)
    package10994 (1.0.0)
    package10995 (1.0.0)
    package10996 (1.0.0)
    package10997 (1.0.0)
    package10998 (1.0.0)
    package10999 (1.0.0)
    package11000 (1.0.0)
    package11001 (1.0.0)
    package11002 (1.0.0)
    package11003 (1.0.0)
    package11004 (1.0.0)
    package11005 (1.0.0)
    package11006 (1.0.0)
    package11007 (1.0.0)
    package11008 (1.0.0)
    package11009 (1.0.0)
    package11010 (1.0.0)
    package11011 (1.0.0)
    package11012 (1.0.0)
    package11013 (1.0.0)
    package11014 (1.0.0)
    package11015 (1.0.0)
    package11016 (1.0.0)
    package11017 (1.0.0)
    package11018 (1.0.0)
    package11019 (1.0.0)
    package11020 (1.0.0)
    package11021 (1.0.0)
    package11022 (1.0.0)
    package11023 (1.0.0)
    package11024 (1.0.0)
    package11025 (1.0.0)
    package11026 (1.0.0)
    package11027 (1.0.0)
    package11028 (1.0.0)
    package11029 (1.0.0)
    package11030 (1.0.0)
    package11031 (1.0.0)
    package11032 (1.0.0)
    package11033 (1.0.0)
    package11034 (1.0.0)
    package11035 (1.0.0)
    package11036 (1.0.0)
    package11037 (1.0.0)
    package11038 (1.0.0)
    package11039 (1.0.0)
    package11040 (1.0.0)
    package11041 (1.0.0)
    package11042 (1.0.0)
    package11043 (1.0.0)
    package11044 (1.0.0)
    package11045 (1.0.0)
    package11046 (1.0.0)
    package11047 (1.0.0)
    package11048 (1.0.0)
    package11049 (1.0.0)
    package11050 (1.0.0)
    package11051 (1.0.0)
    package11052 (1.0.0)
    package11053 (1.0.0)
    package11054 (1.0.0)
    package11055 (1.0.0)
    package11056 (1.0.0)
    package11057 (1.0.0)
    package11058 (1.0.0)
    package11059 (1.0.0)
    package11060 (1.0.0)
    package11061 (1.0.0)
    package11062 (1.0.0)
    package11063 (1.0.0)
    package11064 (1.0.0)
    package11065 (1.0.0)
    package11066 (1.0.0)
    package11067 (1.0.0)
    package11068 (1.0.0)
    package11069 (1.0.0)
    package11070 (1.0.0)
    package11071 (1.0.0)
    package11072 (1.0.0)
    package11073 (1.0.0)
    package11074 (1.0.0)
    package11075 (1.0.0)
    package11076 (1.0.0)
    package11077 (1.0.0)
    package11078 (1.0.0)
    package11079 (1.0.0)
    package11080 (1.0.0)
    package11081 (1.0.0)
    package11082 (1.0.0)
    package11083 (1.0.0)
    package11084 (1.0.0)
    package11085 (1.0.0)
    package11086 (1.0.0)
    package11087 (1.0.0)
    package11088 (1.0.0)
    package11089 (1.0.0)
    package11090 (1.0.0)
    package11091 (1.0.0)
    package11092 (1.0.0)
    package11093 (1.0.0)
    package11094 (1.0.0)
    package11095 (1.0.0)
    package11096 (1.0.0)
    package11097 (1.0.0)
    package11098 (1.0.0)
    package11099 (1.0.0)
    package11100 (1.0.0)
    package11101 (1.0.0)
    package11102 (1.0.0)
    package11103 (1.0.0)
    package11104 (1.0.0)
    package11105 (1.0.0)
    package11106 (1.0.0)
    package11107 (1.0.0)
    package11108 (1.0.0)
    package11109 (1.0.0)
    package11110 (1.0.0)
    package11111 (1.0.0)
    package11112 (1.0.0)
    package11113 (1.0.0)
    package11114 (1.0.0)
    package11115 (1.0.0)
    package11116 (1.0.0)
    package11117 (1.0.0)
    package11118 (1.0.0)
    package11119 (1.0.0)
    package11120 (1.0.0)
    package11121 (1.0.0)
    package11122 (1.0.0)
    package11123 (1.0.0)
    package11124 (1.0.0)
    package11125 (1.0.0)
    package11126 (1.0.0)
    package11127 (1.0.0)
    package11128 (1.0.0)
    package11129 (1.0.0)
    package11130 (1.0.0)
    package11131 (1.0.0)
    package11132 (1.0.0)
    package11133 (1.0.0)
    package11134 (1.0.0)
    package11135 (1.0.0)
    package11136 (1.0.0)
    package11137 (1.0.0)
    package11138 (1.0.0)
    package11139 (1.0.0)
    package11140 (1.0.0)
    package11141 (1.0.0)
    package11142 (1.0.0)
    package11143 (1.0.0)
    package11144 (1.0.0)
    package11145 (1.0.0)
    package11146 (1.0.0)
    package11147 (1.0.0)
    package11148 (1.0.0)
    package11149 (1.0.0)
    package11150 (1.0.0)
    package11151 (1.0.0)
    package11152 (1.0.0)
    package11153 (1.0.0)
    package11154 (1.0.0)
    package11155 (1.0.0)
    package11156 (1.0.0)
    package11157 (1.0.0)
    package11158 (1.0.0)
    package11159 (1.0.0)
    package11160 (1.0.0)
    package11161 (1.0.0)
    package11162 (1.0.0)
    package11163 (1.0.0)
    package11164 (1.0.0)
    package11165 (1.0.0)
    package11166 (1.0.0)
    package11167 (1.0.0)
    package11168 (1.0.0)
    package11169 (1.0.0)
    package11170 (1.0.0)
    package11171 (1.0.0)
    package11172 (1.0.0)
    package11173 (1.0.0)
    package11174 (1.0.0)
    package11175 (1.0.0)
    package11176 (1.0.0)
    package11177 (1.0.0)
    package11178 (1.0.0)
    package11179 (1.0.0)
    package11180 (1.0.0)
    package11181 (1.0.0)
    package11182 (1.0.0)
    package11183 (1.0.0)
    package11184 (1.0.0)
    package11185 (1.0.0)
    package11186 (1.0.0)
    package11187 (1.0.0)
    package11188 (1.0.0)
    package11189 (1.0.0)
    package11190 (1.0.0)
    package11191 (1.0.0)
    package11192 (1.0.0)
    package11193 (1.0.0)
    package11194 (1.0.0)
    package11195 (1.0.0)
    package11196 (1.0.0)
    package11197 (1.0.0)
    package11198 (1.0.0)
    package11199 (1.0.0)
    package11200 (1.0.0)
    package11201 (1.0.0)
    package11202 (1.0.0)
    package11203 (1.0.0)
    package11204 (1.0.0)
    package11205 (1.0.0)
    package11206 (1.0.0)
    package11207 (1.0.0)
    package11208 (1.0.0)
    package11209 (1.0.0)
    package11210 (1.0.0)
    package11211 (1.0.0)
    package11212 (1.0.0)
    package11213 (1.0.0)
    package11214 (1.0.0)
    package11215 (1.0.0)
    package11216 (1.0.0)
    package11217 (1.0.0)
    package11218 (1.0.0)
    package11219 (1.0.0)
    package11220 (1.0.0)
    package11221 (1.0.0)
    package11222 (1.0.0)
    package11223 (1.0.0)
    package11224 (1.0.0)
    package11225 (1.0.0)
    package11226 (1.0.0)
    package11227 (1.0.0)
    package11228 (1.0.0)
    package11229 (1.0.0)
    package11230 (1.0.0)
    package11231 (1.0.0)
    package11232 (1.0.0)
    package11233 (1.0.0)
    package11234 (1.0.0)
    package11235 (1.0.0)
    package11236 (1.0.0)
    package11237 (1.0.0)
    package11238 (1.0.0)
    package11239 (1.0.0)
    package11240 (1.0.0)
    package11241 (1.0.0)
    package11242 (1.0.0)
    package11243 (1.0.0)
    package11244 (1.0.0)
    package11245 (1.0.0)
    package11246 (1.0.0)
    package11247 (1.0.0)
    package11248 (1.0.0)
    package11249 (1.0.0)
    package11250 (1.0.0)
    package11251 (1.0.0)
    package11252 (1.0.0)
    package11253 (1.0.0)
    package11254 (1.0.0)
    package11255 (1.0.0)
    package11256 (1.0.0)
    package11257 (1.0.0)
    package11258 (1.0.0)
    package11259 (1.0.0)
    package11260 (1.0.0)
    package11261 (1.0.0)
    package11262 (1.0.0)
    package11263 (1.0.0)
    package11264 (1.0.0)
    package11265 (1.0.0)
    package11266 (1.0.0)
    package11267 (1.0.0)
    package11268 (1.0.0)
    package11269 (1.0.0)
    package11270 (1.0.0)
    package11271 (1.0.0)
    package11272 (1.0.0)
    package11273 (1.0.0)
    package11274 (1.0.0)
    package11275 (1.0.0)
    package11276 (1.0.0)
    package11277 (1.0.0)
    package11278 (1.0.0)
    package11279 (1.0.0)
    package11280 (1.0.0)
    package11281 (1.0.0)
    package11282 (1.0.0)
    package11283 (1.0.0)
    package11284 (1.0.0)
    package11285 (1.0.0)
    package11286 (1.0.0)
    package11287 (1.0.0)
    package11288 (1.0.0)
    package11289 (1.0.0)
    package11290 (1.0.0)
    package11291 (1.0.0)
    package11292 (1.0.0)
    package11293 (1.0.0)
    package11294 (1.0.0)
    package11295 (1.0.0)
    package11296 (1.0.0)
    package11297 (1.0.0)
    package11298 (1.0.0)
    package11299 (1.0.0)
    package11300 (1.0.0)
    package11301 (1.0.0)
    package11302 (1.0.0)
    package11303 (1.0.0)
    package11304 (1.0.0)
    package11305 (1.0.0)
    package11306 (1.0.0)
    package11307 (1.0.0)
    package11308 (1.0.0)
    package11309 (1.0.0)
    package11310 (1.0.0)
    package11311 (1.0.0)
    package11312 (1.0.0)
    package11313 (1.0.0)
    package11314 (1.0.0)
    package11315 (1.0.0)
    package11316 (1.0.0)
    package11317 (1.0.0)
    package11318 (1.0.0)
    package11319 (1.0.0)
    package11320 (1.0.0)
    package11321 (1.0.0)
    package11322 (1.0.0)
    package11323 (1.0.0)
    package11324 (1.0.0)
    package11325 (1.0.0)
    package11326 (1.0.0)
    package11327 (1.0.0)
    package11328 (1.0.0)
    package11329 (1.0.0)
    package11330 (1.0.0)
    package11331 (1.0.0)
    package11332 (1.0.0)
    package11333 (1.0.0)
    package11334 (1.0.0)
    package11335 (1.0.0)
    package11336 (1.0.0)
    package11337 (1.0.0)
    package11338 (1.0.0)
    package11339 (1.0.0)
    package11340 (1.0.0)
    package11341 (1.0.0)
    package11342 (1.0.0)
    package11343 (1.0.0)
    package11344 (1.0.0)
    package11345 (1.0.0)
    package11346 (1.0.0)
    package11347 (1.0.0)
    package11348 (1.0.0)
    package11349 (1.0.0)
    package11350 (1.0.0)
    package11351 (1.0.0)
    package11352 (1.0.0)
    package11353 (1.0.0)
    package11354 (1.0.0)
    package11355 (1.0.0)
    package11356 (1.0.0)
    package11357 (1.0.0)
    package11358 (1.0.0)
    package11359 (1.0.0)
    package11360 (1.0.0)
    package11361 (1.0.0)
    package11362 (1.0.0)
    package11363 (1.0.0)
    package11364 (1.0.0)
    package11365 (1.0.0)
    package11366 (1.0.0)
    package11367 (1.0.0)
    package11368 (1.0.0)
    package11369 (1.0.0)
    package11370 (1.0.0)
    package11371 (1.0.0)
    package11372 (1.0.0)
    package11373 (1.0.0)
    package11374 (1.0.0)
    package11375 (1.0.0)
    package11376 (1.0.0)
    package11377 (1.0.0)
    package11378 (1.0.0)
    package11379 (1.0.0)
    package11380 (1.0.0)
    package11381 (1.0.0)
    package11382 (1.0.0)
    package11383 (1.0.0)
    package11384 (1.0.0)
    package11385 (1.0.0)
    package11386 (1.0.0)
    package11387 (1.0.0)
    package11388 (1.0.0)
    package11389 (1.0.0)
    package11390 (1.0.0)
    package11391 (1.0.0)
    package11392 (1.0.0)
    package11393 (1.0.0)
    package11394 (1.0.0)
    package11395 (1.0.0)
    package11396 (1.0.0)
    package11397 (1.0.0)
    package11398 (1.0.0)
    package11399 (1.0.0)
    package11400 (1.0.0)
    package11401 (1.0.0)
    package11402 (1.0.0)
    package11403 (1.0.0)
    package11404 (1.0.0)
    package11405 (1.0.0)
    package11406 (1.0.0)
    package11407 (1.0.0)
    package11408 (1.0.0)
    package11409 (1.0.0)
    package11410 (1.0.0)
    package11411 (1.0.0)
    package11412 (1.0.0)
    package11413 (1.0.0)
    package11414 (1.0.0)
    package11415 (1.0.0)
    package11416 (1.0.0)
    package11417 (1.0.0)
    package11418 (1.0.0)
    package11419 (1.0.0)
    package11420 (1.0.0)
    package11421 (1.0.0)
    package11422 (1.0.0)
    package11423 (1.0.0)
    package11424 (1.0.0)
    package11425 (1.0.0)
    package11426 (1.0.0)
    package11427 (1.0.0)
    package11428 (1.0.0)
    package11429 (1.0.0)
    package11430 (1.0.0)
    package11431 (1.0.0)
    package11432 (1.0.0)
    package11433 (1.0.0)
    package11434 (1.0.0)
    package11435 (1.0.0)
    package11436 (1.0.0)
    package11437 (1.0.0)
    package11438 (1.0.0)
    package11439 (1.0.0)
    package11440 (1.0.0)
    package11441 (1.0.0)
    package11442 (1.0.0)
    package11443 (1.0.0)
    package11444 (1.0.0)
    package11445 (1.0.0)
    package11446 (1.0.0)
    package11447 (1.0.0)
    package11448 (1.0.0)
    package11449 (1.0.0)
    package11450 (1.0.0)
    package11451 (1.0.0)
    package11452 (1.0.0)
    package11453 (1.0.0)
    package11454 (1.0.0)
    package11455 (1.0.0)
    package11456 (1.0.0)
    package11457 (1.0.0)
    package11458 (1.0.0)
    package11459 (1.0.0)
    package11460 (1.0.0)
    package11461 (1.0.0)
    package11462 (1.0.0)
    package11463 (1.0.0)
    package11464 (1.0.0)
    package11465 (1.0.0)
    package11466 (1.0.0)
    package11467 (1.0.0)
    package11468 (1.0.0)
    package11469 (1.0.0)
    package11470 (1.0.0)
    package11471 (1.0.0)
    package11472 (1.0.0)
    package11473 (1.0.0)
    package11474 (1.0.0)
    package11475 (1.0.0)
    package11476 (1.0.0)
    package11477 (1.0.0)
    package11478 (1.0.0)
    package11479 (1.0.0)
    package11480 (1.0.0)
    package11481 (1.0.0)
    package11482 (1.0.0)
    package11483 (1.0.0)
    package11484 (1.0.0)
    package11485 (1.0.0)
    package11486 (1.0.0)
    package11487 (1.0.0)
    package11488 (1.0.0)
    package11489 (1.0.0)
    package11490 (1.0.0)
    package11491 (1.0.0)
    package11492 (1.0.0)
    package11493 (1.0.0)
    package11494 (1.0.0)
    package11495 (1.0.0)
    package11496 (1.0.0)
    package11497 (1.0.0)
    package11498 (1.0.0)
    package11499 (1.0.0)
    package11500 (1.0.0)
    package11501 (1.0.0)
    package11502 (1.0.0)
    package11503 (1.0.0)
    package11504 (1.0.0)
    package11505 (1.0.0)
    package11506 (1.0.0)
    package11507 (1.0.0)
    package11508 (1.0.0)
    package11509 (1.0.0)
    package11510 (1.0.0)
    package11511 (1.0.0)
    package11512 (1.0.0)
    package11513 (1.0.0)
    package11514 (1.0.0)
    package11515 (1.0.0)
    package11516 (1.0.0)
    package11517 (1.0.0)
    package11518 (1.0.0)
    package11519 (1.0.0)
    package11520 (1.0.0)
    package11521 (1.0.0)
    package11522 (1.0.0)
    package11523 (1.0.0)
    package11524 (1.0.0)
    package11525 (1.0.0)
    package11526 (1.0.0)
    package11527 (1.0.0)
    package11528 (1.0.0)
    package11529 (1.0.0)
    package11530 (1.0.0)
    package11531 (1.0.0)
    package11532 (1.0.0)
    package11533 (1.0.0)
    package11534 (1.0.0)
    package11535 (1.0.0)
    package11536 (1.0.0)
    package11537 (1.0.0)
    package11538 (1.0.0)
    package11539 (1.0.0)
    package11540 (1.0.0)
    package11541 (1.0.0)
    package11542 (1.0.0)
    package11543 (1.0.0)
    package11544 (1.0.0)
    package11545 (1.0.0)
    package11546 (1.0.0)
    package11547 (1.0.0)
    package11548 (1.0.0)
    package11549 (1.0.0)
    package11550 (1.0.0)
    package11551 (1.0.0)
    package11552 (1.0.0)
    package11553 (1.0.0)
    package11554 (1.0.0)
    package11555 (1.0.0)
    package11556 (1.0.0)
    package11557 (1.0.0)
    package11558 (1.0.0)
    package11559 (1.0.0)
    package11560 (1.0.0)
    package11561 (1.0.0)
    package11562 (1.0.0)
    package11563 (1.0.0)
    package11564 (1.0.0)
    package11565 (1.0.0)
    package11566 (1.0.0)
    package11567 (1.0.0)
    package11568 (1.0.0)
    package11569 (1.0.0)
    package11570 (1.0.0)
    package11571 (1.0.0)
    package11572 (1.0.0)
    package11573 (1.0.0)
    package11574 (1.0.0)
    package11575 (1.0.0)
    package11576 (1.0.0)
    package11577 (1.0.0)
    package11578 (1.0.0)
    package11579 (1.0.0)
    package11580 (1.0.0)
    package11581 (1.0.0)
    package11582 (1.0.0)
    package11583 (1.0.0)
    package11584 (1.0.0)
    package11585 (1.0.0)
    package11586 (1.0.0)
    package11587 (1.0.0)
    package11588 (1.0.0)
    package11589 (1.0.0)
    package11590 (1.0.0)
    package11591 (1.0.0)
    package11592 (1.0.0)
    package11593 (1.0.0)
    package11594 (1.0.0)
    package11595 (1.0.0)
    package11596 (1.0.0)
    package11597 (1.0.0)
    package11598 (1.0.0)
    package11599 (1.0.0)
    package11600 (1.0.0)
    package11601 (1.0.0)
    package11602 (1.0.0)
    package11603 (1.0.0)
    package11604 (1.0.0)
    package11605 (1.0.0)
    package11606 (1.0.0)
    package11607 (1.0.0)
    package11608 (1.0.0)
    package11609 (1.0.0)
    package11610 (1.0.0)
    package11611 (1.0.0)
    package11612 (1.0.0)
    package11613 (1.0.0)
    package11614 (1.0.0)
    package11615 (1.0.0)
    package11616 (1.0.0)
    package11617 (1.0.0)
    package11618 (1.0.0)
    package11619 (1.0.0)
    package11620 (1.0.0)
    package11621 (1.0.0)
    package11622 (1.0.0)
    package11623 (1.0.0)
    package11624 (1.0.0)
    package11625 (1.0.0)
    package11626 (1.0.0)
    package11627 (1.0.0)
    package11628 (1.0.0)
    package11629 (1.0.0)
    package11630 (1.0.0)
    package11631 (1.0.0)
    package11632 (1.0.0)
    package11633 (1.0.0)
    package11634 (1.0.0)
    package11635 (1.0.0)
    package11636 (1.0.0)
    package11637 (1.0.0)
    package11638 (1.0.0)
    package11639 (1.0.0)
    package11640 (1.0.0)
    package11641 (1.0.0)
    package11642 (1.0.0)
    package11643 (1.0.0)
    package11644 (1.0.0)
    package11645 (1.0.0)
    package11646 (1.0.0)
    package11647 (1.0.0)
    package11648 (1.0.0)
    package11649 (1.0.0)
    package11650 (1.0.0)
    package11651 (1.0.0)
    package11652 (1.0.0)
    package11653 (1.0.0)
    package11654 (1.0.0)
    package11655 (1.0.0)
    package11656 (1.0.0)
    package11657 (1.0.0)
    package11658 (1.0.0)
    package11659 (1.0.0)
    package11660 (1.0.0)
    package11661 (1.0.0)
    package11662 (1.0.0)
    package11663 (1.0.0)
    package11664 (1.0.0)
    package11665 (1.0.0)
    package11666 (1.0.0)
    package11667 (1.0.0)
    package11668 (1.0.0)
    package11669 (1.0.0)
    package11670 (1.0.0)
    package11671 (1.0.0)
    package11672 (1.0.0)
    package11673 (1.0.0)
    package11674 (1.0.0)
    package11675 (1.0.0)
    package11676 (1.0.0)
    package11677 (1.0.0)
    package11678 (1.0.0)
    package11679 (1.0.0)
    package11680 (1.0.0)
    package11681 (1.0.0)
    package11682 (1.0.0)
    package11683 (1.0.0)
    package11684 (1.0.0)
    package11685 (1.0.0)
    package11686 (1.0.0)
    package11687 (1.0.0)
    package11688 (1.0.0)
    package11689 (1.0.0)
    package11690 (1.0.0)
    package11691 (1.0.0)
    package11692 (1.0.0)
    package11693 (1.0.0)
    package11694 (1.0.0)
    package11695 (1.0.0)
    package11696 (1.0.0)
    package11697 (1.0.0)
    package11698 (1.0.0)
    package11699 (1.0.0)
    package11700 (1.0.0)
    package11701 (1.0.0)
    package11702 (1.0.0)
    package11703 (1.0.0)
    package11704 (1.0.0)
    package11705 (1.0.0)
    package11706 (1.0.0)
    package11707 (1.0.0)
    package11708 (1.0.0)
    package11709 (1.0.0)
    package11710 (1.0.0)
    package11711 (1.0.0)
    package11712 (1.0.0)
    package11713 (1.0.0)
    package11714 (1.0.0)
    package11715 (1.0.0)
    package11716 (1.0.0)
    package11717 (1.0.0)
    package11718 (1.0.0)
    package11719 (1.0.0)
    package11720 (1.0.0)
    package11721 (1.0.0)
    package11722 (1.0.0)
    package11723 (1.0.0)
    package11724 (1.0.0)
    package11725 (1.0.0)
    package11726 (1.0.0)
    package11727 (1.0.0)
    package11728 (1.0.0)
    package11729 (1.0.0)
    package11730 (1.0.0)
    package11731 (1.0.0)
    package11732 (1.0.0)
    package11733 (1.0.0)
    package11734 (1.0.0)
    package11735 (1.0.0)
    package11736 (1.0.0)
    package11737 (1.0.0)
    package11738 (1.0.0)
    package11739 (1.0.0)
    package11740 (1.0.0)
    package11741 (1.0.0)
    package11742 (1.0.0)
    package11743 (1.0.0)
    package11744 (1.0.0)
    package11745 (1.0.0)
    package11746 (1.0.0)
    package11747 (1.0.0)
    package11748 (1.0.0)
    package11749 (1.0.0)
    package11750 (1.0.0)
    package11751 (1.0.0)
    package11752 (1.0.0)
    package11753 (1.0.0)
    package11754 (1.0.0)
    package11755 (1.0.0)
    package11756 (1.0.0)
    package11757 (1.0.0)
    package11758 (1.0.0)
    package11759 (1.0.0)
    package11760 (1.0.0)
    package11761 (1.0.0)
    package11762 (1.0.0)
    package11763 (1.0.0)
    package11764 (1.0.0)
    package11765 (1.0.0)
    package11766 (1.0.0)
    package11767 (1.0.0)
    package11768 (1.0.0)
    package11769 (1.0.0)
    package11770 (1.0.0)
    package11771 (1.0.0)
    package11772 (1.0.0)
    package11773 (1.0.0)
    package11774 (1.0.0)
    package11775 (1.0.0)
    package11776 (1.0.0)
    package11777 (1.0.0)
    package11778 (1.0.0)
    package11779 (1.0.0)
    package11780 (1.0.0)
    package11781 (1.0.0)
    package11782 (1.0.0)
    package11783 (1.0.0)
    package11784 (1.0.0)
    package11785 (1.0.0)
    package11786 (1.0.0)
    package11787 (1.0.0)
    package11788 (1.0.0)
    package11789 (1.0.0)
    package11790 (1.0.0)
    package11791 (1.0.0)
    package11792 (1.0.0)
    package11793 (1.0.0)
    package11794 (1.0.0)
    package11795 (1.0.0)
    package11796 (1.0.0)
    package11797 (1.0.0)
    package11798 (1.0.0)
    package11799 (1.0.0)
    package11800 (1.0.0)
    package11801 (1.0.0)
    package11802 (1.0.0)
    package11803 (1.0.0)
    package11804 (1.0.0)
    package11805 (1.0.0)
    package11806 (1.0.0)
    package11807 (1.0.0)
    package11808 (1.0.0)
    package11809 (1.0.0)
    package11810 (1.0.0)
    package11811 (1.0.0)
    package11812 (1.0.0)
    package11813 (1.0.0)
    package11814 (1.0.0)
    package11815 (1.0.0)
    package11816 (1.0.0)
    package11817 (1.0.0)
    package11818 (1.0.0)
    package11819 (1.0.0)
    package11820 (1.0.0)
    package11821 (1.0.0)
    package11822 (1.0.0)
    package11823 (1.0.0)
    package11824 (1.0.0)
    package11825 (1.0.0)
    package11826 (1.0.0)
    package11827 (1.0.0)
    package11828 (1.0.0)
    package11829 (1.0.0)
    package11830 (1.0.0)
    package11831 (1.0.0)
    package11832 (1.0.0)
    package11833 (1.0.0)
    package11834 (1.0.0)
    package11835 (1.0.0)
    package11836 (1.0.0)
    package11837 (1.0.0)
    package11838 (1.0.0)
    package11839 (1.0.0)
    package11840 (1.0.0)
    package11841 (1.0.0)
    package11842 (1.0.0)
    package11843 (1.0.0)
    package11844 (1.0.0)
    package11845 (1.0.0)
    package11846 (1.0.0)
    package11847 (1.0.0)
    package11848 (1.0.0)
    package11849 (1.0.0)
    package11850 (1.0.0)
    package11851 (1.0.0)
    package11852 (1.0.0)
    package11853 (1.0.0)
    package11854 (1.0.0)
    package11855 (1.0.0)
    package11856 (1.0.0)
    package11857 (1.0.0)
    package11858 (1.0.0)
    package11859 (1.0.0)
    package11860 (1.0.0)
    package11861 (1.0.0)
    package11862 (1.0.0)
    package11863 (1.0.0)
    package11864 (1.0.0)
    package11865 (1.0.0)
    package11866 (1.0.0)
    package11867 (1.0.0)
    package11868 (1.0.0)
    package11869 (1.0.0)
    package11870 (1.0.0)
    package11871 (1.0.0)
    package11872 (1.0.0)
    package11873 (1.0.0)
    package11874 (1.0.0)
    package11875 (1.0.0)
    package11876 (1.0.0)
    package11877 (1.0.0)
    package11878 (1.0.0)
    package11879 (1.0.0)
    package11880 (1.0.0)
    package11881 (1.0.0)
    package11882 (1.0.0)
    package11883 (1.0.0)
    package11884 (1.0.0)
    package11885 (1.0.0)
    package11886 (1.0.0)
    package11887 (1.0.0)
    package11888 (1.0.0)
    package11889 (1.0.0)
    package11890 (1.0.0)
    package11891 (1.0.0)
    package11892 (1.0.0)
    package11893 (1.0.0)
    package11894 (1.0.0)
    package11895 (1.0.0)
    package11896 (1.0.0)
    package11897 (1.0.0)
    package11898 (1.0.0)
    package11899 (1.0.0)
    package11900 (1.0.0)
    package11901 (1.0.0)
    package11902 (1.0.0)
    package11903 (1.0.0)
    package11904 (1.0.0)
    package11905 (1.0.0)
    package11906 (1.0.0)
    package11907 (1.0.0)
    package11908 (1.0.0)
    package11909 (1.0.0)
    package11910 (1.0.0)
    package11911 (1.0.0)
    package11912 (1.0.0)
    package11913 (1.0.0)
    package11914 (1.0.0)
    package11915 (1.0.0)
    package11916 (1.0.0)
    package11917 (1.0.0)
    package11918 (1.0.0)
    package11919 (1.0.0)
    package11920 (1.0.0)
    package11921 (1.0.0)
    package11922 (1.0.0)
    package11923 (1.0.0)
    package11924 (1.0.0)
    package11925 (1.0.0)
    package11926 (1.0.0)
    package11927 (1.0.0)
    package11928 (1.0.0)
    package11929 (1.0.0)
    package11930 (1.0.0)
    package11931 (1.0.0)
    package11932 (1.0.0)
    package11933 (1.0.0)
    package11934 (1.0.0)
    package11935 (1.0.0)
    package11936 (1.0.0)
    package11937 (1.0.0)
    package11938 (1.0.0)
    package11939 (1.0.0)
    package11940 (1.0.0)
    package11941 (1.0.0)
    package11942 (1.0.0)
    package11943 (1.0.0)
    package11944 (1.0.0)
    package11945 (1.0.0)
    package11946 (1.0.0)
    package11947 (1.0.0)
    package11948 (1.0.0)
    package11949 (1.0.0)
    package11950 (1.0.0)
    package11951 (1.0.0)
    package11952 (1.0.0)
    package11953 (1.0.0)
    package11954 (1.0.0)
    package11955 (1.0.0)
    package11956 (1.0.0)
    package11957 (1.0.0)
    package11958 (1.0.0)
    package11959 (1.0.0)
    package11960 (1.0.0)
    package11961 (1.0.0)
    package11962 (1.0.0)
    package11963 (1.0.0)
    package11964 (1.0.0)
    package11965 (1.0.0)
    package11966 (1.0.0)
    package11967 (1.0.0)
    package11968 (1.0.0)
    package11969 (1.0.0)
    package11970 (1.0.0)
    package11971 (1.0.0)
    package11972 (1.0.0)
    package11973 (1.0.0)
    package11974 (1.0.0)
    package11975 (1.0.0)
    package11976 (1.0.0)
    package11977 (1.0.0)
    package11978 (1.0.0)
    package11979 (1.0.0)
    package11980 (1.0.0)
    package11981 (1.0.0)
    package11982 (1.0.0)
    package11983 (1.0.0)
    package11984 (1.0.0)
    package11985 (1.0.0)
    package11986 (1.0.0)
    package11987 (1.0.0)
    package11988 (1.0.0)
    package11989 (1.0.0)
    package11990 (1.0.0)
    package11991 (1.0.0)
    package11992 (1.0.0)
    package11993 (1.0.0)
    package11994 (1.0.0)
    package11995 (1.0.0)
    package11996 (1.0.0)
    package11997 (1.0.0)
    package11998 (1.0.0)
    package11999 (1.0.0)
    package12000 (1.0.0)
    package12001 (1.0.0)
    package12002 (1.0.0)
    package12003 (1.0.0)
    package12004 (1.0.0)
    package12005 (1.0.0)
    package12006 (1.0.0)
    package12007 (1.0.0)
    package12008 (1.0.0)
    package12009 (1.0.0)
    package12010 (1.0.0)
    package12011 (1.0.0)
    package12012 (1.0.0)
    package12013 (1.0.0)
    package12014 (1.0.0)
    package12015 (1.0.0)
    package12016 (1.0.0)
    package12017 (1.0.0)
    package12018 (1.0.0)
    package12019 (1.0.0)
    package12020 (1.0.0)
    package12021 (1.0.0)
    package12022 (1.0.0)
    package12023 (1.0.0)
    package12024 (1.0.0)
    package12025 (1.0.0)
    package12026 (1.0.0)
    package12027 (1.0.0)
    package12028 (1.0.0)
    package12029 (1.0.0)
    package12030 (1.0.0)
    package12031 (1.0.0)
    package12032 (1.0.0)
    package12033 (1.0.0)
    package12034 (1.0.0)
    package12035 (1.0.0)
    package12036 (1.0.0)
    package12037 (1.0.0)
    package12038 (1.0.0)
    package12039 (1.0.0)
    package12040 (1.0.0)
    package12041 (1.0.0)
    package12042 (1.0.0)
    package12043 (1.0.0)
    package12044 (1.0.0)
    package12045 (1.0.0)
    package12046 (1.0.0)
    package12047 (1.0.0)
    package12048 (1.0.0)
    package12049 (1.0.0)
    package12050 (1.0.0)
    package12051 (1.0.0)
    package12052 (1.0.0)
    package12053 (1.0.0)
    package12054 (1.0.0)
    package12055 (1.0.0)
    package12056 (1.0.0)
    package12057 (1.0.0)
    package12058 (1.0.0)
    package12059 (1.0.0)
    package12060 (1.0.0)
    package12061 (1.0.0)
    package12062 (1.0.0)
    package12063 (1.0.0)
    package12064 (1.0.0)
    package12065 (1.0.0)
    package12066 (1.0.0)
    package12067 (1.0.0)
    package12068 (1.0.0)
    package12069 (1.0.0)
    package12070 (1.0.0)
    package12071 (1.0.0)
    package12072 (1.0.0)
    package12073 (1.0.0)
    package12074 (1.0.0)
    package12075 (1.0.0)
    package12076 (1.0.0)
    package12077 (1.0.0)
    package12078 (1.0.0)
    package12079 (1.0.0)
    package12080 (1.0.0)
    package12081 (1.0.0)
    package12082 (1.0.0)
    package12083 (1.0.0)
    package12084 (1.0.0)
    package12085 (1.0.0)
    package12086 (1.0.0)
    package12087 (1.0.0)
    package12088 (1.0.0)
    package12089 (1.0.0)
    package12090 (1.0.0)
    package12091 (1.0.0)
    package12092 (1.0.0)
    package12093 (1.0.0)
    package12094 (1.0.0)
    package12095 (1.0.0)
    package12096 (1.0.0)
    package12097 (1.0.0)
    package12098 (1.0.0)
    package12099 (1.0.0)
    package12100 (1.0.0)
    package12101 (1.0.0)
    package12102 (1.0.0)
    package12103 (1.0.0)
    package12104 (1.0.0)
    package12105 (1.0.0)
    package12106 (1.0.0)
    package12107 (1.0.0)
    package12108 (1.0.0)
    package12109 (1.0.0)
    package12110 (1.0.0)
    package12111 (1.0.0)
    package12112 (1.0.0)
    package12113 (1.0.0)
    package12114 (1.0.0)
    package12115 (1.0.0)
    package12116 (1.0.0)
    package12117 (1.0.0)
    package12118 (1.0.0)
    package12119 (1.0.0)
    package12120 (1.0.0)
    package12121 (1.0.0)
    package12122 (1.0.0)
    package12123 (1.0.0)
    package12124 (1.0.0)
    package12125 (1.0.0)
    package12126 (1.0.0)
    package12127 (1.0.0)
    package12128 (1.0.0)
    package12129 (1.0.0)
    package12130 (1.0.0)
    package12131 (1.0.0)
    package12132 (1.0.0)
    package12133 (1.0.0)
    package12134 (1.0.0)
    package12135 (1.0.0)
    package12136 (1.0.0)
    package12137 (1.0.0)
    package12138 (1.0.0)
    package12139 (1.0.0)
    package12140 (1.0.0)
    package12141 (1.0.0)
    package12142 (1.0.0)
    package12143 (1.0.0)
    package12144 (1.0.0)
    package12145 (1.0.0)
    package12146 (1.0.0)
    package12147 (1.0.0)
    package12148 (1.0.0)
    package12149 (1.0.0)
    package12150 (1.0.0)
    package12151 (1.0.0)
    package12152 (1.0.0)
    package12153 (1.0.0)
    package12154 (1.0.0)
    package12155 (1.0.0)
    package12156 (1.0.0)
    package12157 (1.0.0)
    package12158 (1.0.0)
    package12159 (1.0.0)
    package12160 (1.0.0)
    package12161 (1.0.0)
    package12162 (1.0.0)
    package12163 (1.0.0)
    package12164 (1.0.0)
    package12165 (1.0.0)
    package12166 (1.0.0)
    package12167 (1.0.0)
    package12168 (1.0.0)
    package12169 (1.0.0)
    package12170 (1.0.0)
    package12171 (1.0.0)
    package12172 (1.0.0)
    package12173 (1.0.0)
    package12174 (1.0.0)
    package12175 (1.0.0)
    package12176 (1.0.0)
    package12177 (1.0.0)
    package12178 (1.0.0)
    package12179 (1.0.0)
    package12180 (1.0.0)
    package12181 (1.0.0)
    package12182 (1.0.0)
    package12183 (1.0.0)
    package12184 (1.0.0)
    package12185 (1.0.0)
    package12186 (1.0.0)
    package12187 (1.0.0)
    package12188 (1.0.0)
    package12189 (1.0.0)
    package12190 (1.0.0)
    package12191 (1.0.0)
    package12192 (1.0.0)
    package12193 (1.0.0)
    package12194 (1.0.0)
    package12195 (1.0.0)
    package12196 (1.0.0)
    package12197 (1.0.0)
    package12198 (1.0.0)
    package12199 (1.0.0)
    package12200 (1.0.0)
    package12201 (1.0.0)
    package12202 (1.0.0)
    package12203 (1.0.0)
    package12204 (1.0.0)
    package12205 (1.0.0)
    package12206 (1.0.0)
    package12207 (1.0.0)
    package12208 (1.0.0)
    package12209 (1.0.0)
    package12210 (1.0.0)
    package12211 (1.0.0)
    package12212 (1.0.0)
    package12213 (1.0.0)
    package12214 (1.0.0)
    package12215 (1.0.0)
    package12216 (1.0.0)
    package12217 (1.0.0)
    package12218 (1.0.0)
    package12219 (1.0.0)
    package12220 (1.0.0)
    package12221 (1.0.0)
    package12222 (1.0.0)
    package12223 (1.0.0)
    package12224 (1.0.0)
    package12225 (1.0.0)
    package12226 (1.0.0)
    package12227 (1.0.0)
    package12228 (1.0.0)
    package12229 (1.0.0)
    package12230 (1.0.0)
    package12231 (1.0.0)
    package12232 (1.0.0)
    package12233 (1.0.0)
    package12234 (1.0.0)
    package12235 (1.0.0)
    package12236 (1.0.0)
    package12237 (1.0.0)
    package12238 (1.0.0)
    package12239 (1.0.0)
    package12240 (1.0.0)
    package12241 (1.0.0)
    package12242 (1.0.0)
    package12243 (1.0.0)
    package12244 (1.0.0)
    package12245 (1.0.0)
    package12246 (1.0.0)
    package12247 (1.0.0)
    package12248 (1.0.0)
    package12249 (1.0.0)
    package12250 (1.0.0)
    package12251 (1.0.0)
    package12252 (1.0.0)
    package12253 (1.0.0)
    package12254 (1.0.0)
    package12255 (1.0.0)
    package12256 (1.0.0)
    package12257 (1.0.0)
    package12258 (1.0.0)
    package12259 (1.0.0)
    package12260 (1.0.0)
    package12261 (1.0.0)
    package12262 (1.0.0)
    package12263 (1.0.0)
    package12264 (1.0.0)
    package12265 (1.0.0)
    package12266 (1.0.0)
    package12267 (1.0.0)
    package12268 (1.0.0)
    package12269 (1.0.0)
    package12270 (1.0.0)
    package12271 (1.0.0)
    package12272 (1.0.0)
    package12273 (1.0.0)
    package12274 (1.0.0)
    package12275 (1.0.0)
    package12276 (1.0.0)
    package12277 (1.0.0)
    package12278 (1.0.0)
    package12279 (1.0.0)
    package12280 (1.0.0)
    package12281 (1.0.0)
    package12282 (1.0.0)
    package12283 (1.0.0)
    package12284 (1.0.0)
    package12285 (1.0.0)
    package12286 (1.0.0)
    package12287 (1.0.0)
    package12288 (1.0.0)
    package12289 (1.0.0)
    package12290 (1.0.0)
    package12291 (1.0.0)
    package12292 (1.0.0)
    package12293 (1.0.0)
    package12294 (1.0.0)
    package12295 (1.0.0)
    package12296 (1.0.0)
    package12297 (1.0.0)
    package12298 (1.0.0)
    package12299 (1.0.0)
    package12300 (1.0.0)
    package12301 (1.0.0)
    package12302 (1.0.0)
    package12303 (1.0.0)
    package12304 (1.0.0)
    package12305 (1.0.0)
    package12306 (1.0.0)
    package12307 (1.0.0)
    package12308 (1.0.0)
    package12309 (1.0.0)
    package12310 (1.0.0)
    package12311 (1.0.0)
    package12312 (1.0.0)
    package12313 (1.0.0)
    package12314 (1.0.0)
    package12315 (1.0.0)
    package12316 (1.0.0)
    package12317 (1.0.0)
    package12318 (1.0.0)
    package12319 (1.0.0)
    package12320 (1.0.0)
    package12321 (1.0.0)
    package12322 (1.0.0)
    package12323 (1.0.0)
    package12324 (1.0.0)
    package12325 (1.0.0)
    package12326 (1.0.0)
    package12327 (1.0.0)
    package12328 (1.0.0)
    package12329 (1.0.0)
    package12330 (1.0.0)
    package12331 (1.0.0)
    package12332 (1.0.0)
    package12333 (1.0.0)
    package12334 (1.0.0)
    package12335 (1.0.0)
    package12336 (1.0.0)
    package12337 (1.0.0)
    package12338 (1.0.0)
    package12339 (1.0.0)
    package12340 (1.0.0)
    package12341 (1.0.0)
    package12342 (1.0.0)
    package12343 (1.0.0)
    package12344 (1.0.0)
    package12345 (1.0.0)
    package12346 (1.0.0)
    package12347 (1.0.0)
    package12348 (1.0.0)
    package12349 (1.0.0)
    package12350 (1.0.0)
    package12351 (1.0.0)
    package12352 (1.0.0)
    package12353 (1.0.0)
    package12354 (1.0.0)
    package12355 (1.0.0)
    package12356 (1.0.0)
    package12357 (1.0.0)
    package12358 (1.0.0)
    package12359 (1.0.0)
    package12360 (1.0.0)
    package12361 (1.0.0)
    package12362 (1.0.0)
    package12363 (1.0.0)
    package12364 (1.0.0)
    package12365 (1.0.0)
    package12366 (1.0.0)
    package12367 (1.0.0)
    package12368 (1.0.0)
    package12369 (1.0.0)
    package12370 (1.0.0)
    package12371 (1.0.0)
    package12372 (1.0.0)
    package12373 (1.0.0)
    package12374 (1.0.0)
    package12375 (1.0.0)
    package12376 (1.0.0)
    package12377 (1.0.0)
    package12378 (1.0.0)
    package12379 (1.0.0)
    package12380 (1.0.0)
    package12381 (1.0.0)
    package12382 (1.0.0)
    package12383 (1.0.0)
    package12384 (1.0.0)
    package12385 (1.0.0)
    package12386 (1.0.0)
    package12387 (1.0.0)
    package12388 (1.0.0)
    package12389 (1.0.0)
    package12390 (1.0.0)
    package12391 (1.0.0)
    package12392 (1.0.0)
    package12393 (1.0.0)
    package12394 (1.0.0)
    package12395 (1.0.0)
    package12396 (1.0.0)
    package12397 (1.0.0)
    package12398 (1.0.0)
    package12399 (1.0.0)
    package12400 (1.0.0)
    package12401 (1.0.0)
    package12402 (1.0.0)
    package12403 (1.0.0)
    package12404 (1.0.0)
    package12405 (1.0.0)
    package12406 (1.0.0)
    package12407 (1.0.0)
    package12408 (1.0.0)
    package12409 (1.0.0)
    package12410 (1.0.0)
    package12411 (1.0.0)
    package12412 (1.0.0)
    package12413 (1.0.0)
    package12414 (1.0.0)
    package12415 (1.0.0)
    package12416 (1.0.0)
    package12417 (1.0.0)
    package12418 (1.0.0)
    package12419 (1.0.0)
    package12420 (1.0.0)
    package12421 (1.0.0)
    package12422 (1.0.0)
    package12423 (1.0.0)
    package12424 (1.0.0)
    package12425 (1.0.0)
    package12426 (1.0.0)
    package12427 (1.0.0)
    package12428 (1.0.0)
    package12429 (1.0.0)
    package12430 (1.0.0)
    package12431 (1.0.0)
    package12432 (1.0.0)
    package12433 (1.0.0)
    package12434 (1.0.0)
    package12435 (1.0.0)
    package12436 (1.0.0)
    package12437 (1.0.0)
    package12438 (1.0.0)
    package12439 (1.0.0)
    package12440 (1.0.0)
    package12441 (1.0.0)
    package12442 (1.0.0)
    package12443 (1.0.0)
    package12444 (1.0.0)
    package12445 (1.0.0)
    package12446 (1.0.0)
    package12447 (1.0.0)
    package12448 (1.0.0)
    package12449 (1.0.0)
    package12450 (1.0.0)
    package12451 (1.0.0)
    package12452 (1.0.0)
    package12453 (1.0.0)
    package12454 (1.0.0)
    package12455 (1.0.0)
    package12456 (1.0.0)
    package12457 (1.0.0)
    package12458 (1.0.0)
    package12459 (1.0.0)
    package12460 (1.0.0)
    package12461 (1.0.0)
    package12462 (1.0.0)
    package12463 (1.0.0)
    package12464 (1.0.0)
    package12465 (1.0.0)
    package12466 (1.0.0)
    package12467 (1.0.0)
    package12468 (1.0.0)
    package12469 (1.0.0)
    package12470 (1.0.0)
    package12471 (1.0.0)
    package12472 (1.0.0)
    package12473 (1.0.0)
    package12474 (1.0.0)
    package12475 (1.0.0)
    package12476 (1.0.0)
    package12477 (1.0.0)
    package12478 (1.0.0)
    package12479 (1.0.0)
    package12480 (1.0.0)
    package12481 (1.0.0)
    package12482 (1.0.0)
    package12483 (1.0.0)
    package12484 (1.0.0)
    package12485 (1.0.0)
    package12486 (1.0.0)
    package12487 (1.0.0)
    package12488 (1.0.0)
    package12489 (1.0.0)
    package12490 (1.0.0)
    package12491 (1.0.0)
    package12492 (1.0.0)
    package12493 (1.0.0)
    package12494 (1.0.0)
    package12495 (1.0.0)
    package12496 (1.0.0)
    package12497 (1.0.0)
    package12498 (1.0.0)
    package12499 (1.0.0)
    package12500 (1.0.0)
    package12501 (1.0.0)
    package12502 (1.0.0)
    package12503 (1.0.0)
    package12504 (1.0.0)
    package12505 (1.0.0)
    package12506 (1.0.0)
    package12507 (1.0.0)
    package12508 (1.0.0)
    package12509 (1.0.0)
    package12510 (1.0.0)
    package12511 (1.0.0)
    package12512 (1.0.0)
    package12513 (1.0.0)
    package12514 (1.0.0)
    package12515 (1.0.0)
    package12516 (1.0.0)
    package12517 (1.0.0)
    package12518 (1.0.0)
    package12519 (1.0.0)
    package12520 (1.0.0)
    package12521 (1.0.0)
    package12522 (1.0.0)
    package12523 (1.0.0)
    package12524 (1.0.0)
    package12525 (1.0.0)
    package12526 (1.0.0)
    package12527 (1.0.0)
    package12528 (1.0.0)
    package12529 (1.0.0)
    package12530 (1.0.0)
    package12531 (1.0.0)
    package12532 (1.0.0)
    package12533 (1.0.0)
    package12534 (1.0.0)
    package12535 (1.0.0)
    package12536 (1.0.0)
    package12537 (1.0.0)
    package12538 (1.0.0)
    package12539 (1.0.0)
    package12540 (1.0.0)
    package12541 (1.0.0)
    package12542 (1.0.0)
    package12543 (1.0.0)
    package12544 (1.0.0)
    package12545 (1.0.0)
    package12546 (1.0.0)
    package12547 (1.0.0)
    package12548 (1.0.0)
    package12549 (1.0.0)
    package12550 (1.0.0)
    package12551 (1.0.0)
    package12552 (1.0.0)
    package12553 (1.0.0)
    package12554 (1.0.0)
    package12555 (1.0.0)
    package12556 (1.0.0)
    package12557 (1.0.0)
    package12558 (1.0.0)
    package12559 (1.0.0)
    package12560 (1.0.0)
    package12561 (1.0.0)
    package12562 (1.0.0)
    package12563 (1.0.0)
    package12564 (1.0.0)
    package12565 (1.0.0)
    package12566 (1.0.0)
    package12567 (1.0.0)
    package12568 (1.0.0)
    package12569 (1.0.0)
    package12570 (1.0.0)
    package12571 (1.0.0)
    package12572 (1.0.0)
    package12573 (1.0.0)
    package12574 (1.0.0)
    package12575 (1.0.0)
    package12576 (1.0.0)
    package12577 (1.0.0)
    package12578 (1.0.0)
    package12579 (1.0.0)
    package12580 (1.0.0)
    package12581 (1.0.0)
    package12582 (1.0.0)
    package12583 (1.0.0)
    package12584 (1.0.0)
    package12585 (1.0.0)
    package12586 (1.0.0)
    package12587 (1.0.0)
    package12588 (1.0.0)
    package12589 (1.0.0)
    package12590 (1.0.0)
    package12591 (1.0.0)
    package12592 (1.0.0)
    package12593 (1.0.0)
    package12594 (1.0.0)
    package12595 (1.0.0)
    package12596 (1.0.0)
    package12597 (1.0.0)
    package12598 (1.0.0)
    package12599 (1.0.0)
    package12600 (1.0.0)
    package12601 (1.0.0)
    package12602 (1.0.0)
    package12603 (1.0.0)
    package12604 (1.0.0)
    package12605 (1.0.0)
    package12606 (1.0.0)
    package12607 (1.0.0)
    package12608 (1.0.0)
    package12609 (1.0.0)
    package12610 (1.0.0)
    package12611 (1.0.0)
    package12612 (1.0.0)
    package12613 (1.0.0)
    package12614 (1.0.0)
    package12615 (1.0.0)
    package12616 (1.0.0)
    package12617 (1.0.0)
    package12618 (1.0.0)
    package12619 (1.0.0)
    package12620 (1.0.0)
    package12621 (1.0.0)
    package12622 (1.0.0)
    package12623 (1.0.0)
    package12624 (1.0.0)
    package12625 (1.0.0)
    package12626 (1.0.0)
    package12627 (1.0.0)
    package12628 (1.0.0)
    package12629 (1.0.0)
    package12630 (1.0.0)
    package12631 (1.0.0)
    package12632 (1.0.0)
    package12633 (1.0.0)
    package12634 (1.0.0)
    package12635 (1.0.0)
    package12636 (1.0.0)
    package12637 (1.0.0)
    package12638 (1.0.0)
    package12639 (1.0.0)
    package12640 (1.0.0)
    package12641 (1.0.0)
    package12642 (1.0.0)
    package12643 (1.0.0)
    package12644 (1.0.0)
    package12645 (1.0.0)
    package12646 (1.0.0)
    package12647 (1.0.0)
    package12648 (1.0.0)
    package12649 (1.0.0)
    package12650 (1.0.0)
    package12651 (1.0.0)
    package12652 (1.0.0)
    package12653 (1.0.0)
    package12654 (1.0.0)
    package12655 (1.0.0)
    package12656 (1.0.0)
    package12657 (1.0.0)
    package12658 (1.0.0)
    package12659 (1.0.0)
    package12660 (1.0.0)
    package12661 (1.0.0)
    package12662 (1.0.0)
    package12663 (1.0.0)
    package12664 (1.0.0)
    package12665 (1.0.0)
    package12666 (1.0.0)
    package12667 (1.0.0)
    package12668 (1.0.0)
    package12669 (1.0.0)
    package12670 (1.0.0)
    package12671 (1.0.0)
    package12672 (1.0.0)
    package12673 (1.0.0)
    package12674 (1.0.0)
    package12675 (1.0.0)
    package12676 (1.0.0)
    package12677 (1.0.0)
    package12678 (1.0.0)
    package12679 (1.0.0)
    package12680 (1.0.0)
    package12681 (1.0.0)
    package12682 (1.0.0)
    package12683 (1.0.0)
    package12684 (1.0.0)
    package12685 (1.0.0)
    package12686 (1.0.0)
    package12687 (1.0.0)
    package12688 (1.0.0)
    package12689 (1.0.0)
    package12690 (1.0.0)
    package12691 (1.0.0)
    package12692 (1.0.0)
    package12693 (1.0.0)
    package12694 (1.0.0)
    package12695 (1.0.0)
    package12696 (1.0.0)
    package12697 (1.0.0)
    package12698 (1.0.0)
    package12699 (1.0.0)
    package12700 (1.0.0)
    package12701 (1.0.0)
    package12702 (1.0.0)
    package12703 (1.0.0)
    package12704 (1.0.0)
    package12705 (1.0.0)
    package12706 (1.0.0)
    package12707 (1.0.0)
    package12708 (1.0.0)
    package12709 (1.0.0)
    package12710 (1.0.0)
    package12711 (1.0.0)
    package12712 (1.0.0)
    package12713 (1.0.0)
    package12714 (1.0.0)
    package12715 (1.0.0)
    package12716 (1.0.0)
    package12717 (1.0.0)
    package12718 (1.0.0)
    package12719 (1.0.0)
    package12720 (1.0.0)
    package12721 (1.0.0)
    package12722 (1.0.0)
    package12723 (1.0.0)
    package12724 (1.0.0)
    package12725 (1.0.0)
    package12726 (1.0.0)
    package12727 (1.0.0)
    package12728 (1.0.0)
    package12729 (1.0.0)
    package12730 (1.0.0)
    package12731 (1.0.0)
    package12732 (1.0.0)
    package12733 (1.0.0)
    package12734 (1.0.0)
    package12735 (1.0.0)
    package12736 (1.0.0)
    package12737 (1.0.0)
    package12738 (1.0.0)
    package12739 (1.0.0)
    package12740 (1.0.0)
    package12741 (1.0.0)
    package12742 (1.0.0)
    package12743 (1.0.0)
    package12744 (1.0.0)
    package12745 (1.0.0)
    package12746 (1.0.0)
    package12747 (1.0.0)
    package12748 (1.0.0)
    package12749 (1.0.0)
    package12750 (1.0.0)
    package12751 (1.0.0)
    package12752 (1.0.0)
    package12753 (1.0.0)
    package12754 (1.0.0)
    package12755 (1.0.0)
    package12756 (1.0.0)
    package12757 (1.0.0)
    package12758 (1.0.0)
    package12759 (1.0.0)
    package12760 (1.0.0)
    package12761 (1.0.0)
    package12762 (1.0.0)
    package12763 (1.0.0)
    package12764 (1.0.0)
    package12765 (1.0.0)
    package12766 (1.0.0)
    package12767 (1.0.0)
    package12768 (1.0.0)
    package12769 (1.0.0)
    package12770 (1.0.0)
    package12771 (1.0.0)
    package12772 (1.0.0)
    package12773 (1.0.0)
    package12774 (1.0.0)
    package12775 (1.0.0)
    package12776 (1.0.0)
    package12777 (1.0.0)
    package12778 (1.0.0)
    package12779 (1.0.0)
    package12780 (1.0.0)
    package12781 (1.0.0)
    package12782 (1.0.0)
    package12783 (1.0.0)
    package12784 (1.0.0)
    package12785 (1.0.0)
    package12786 (1.0.0)
    package12787 (1.0.0)
    package12788 (1.0.0)
    package12789 (1.0.0)
    package12790 (1.0.0)
    package12791 (1.0.0)
    package12792 (1.0.0)
    package12793 (1.0.0)
    package12794 (1.0.0)
    package12795 (1.0.0)
    package12796 (1.0.0)
    package12797 (1.0.0)
    package12798 (1.0.0)
    package12799 (1.0.0)
    package12800 (1.0.0)
    package12801 (1.0.0)
    package12802 (1.0.0)
    package12803 (1.0.0)
    package12804 (1.0.0)
    package12805 (1.0.0)
    package12806 (1.0.0)
    package12807 (1.0.0)
    package12808 (1.0.0)
    package12809 (1.0.0)
    package12810 (1.0.0)
    package12811 (1.0.0)
    package12812 (1.0.0)
    package12813 (1.0.0)
    package12814 (1.0.0)
    package12815 (1.0.0)
    package12816 (1.0.0)
    package12817 (1.0.0)
    package12818 (1.0.0)
    package12819 (1.0.0)
    package12820 (1.0.0)
    package12821 (1.0.0)
    package12822 (1.0.0)
    package12823 (1.0.0)
    package12824 (1.0.0)
    package12825 (1.0.0)
    package12826 (1.0.0)
    package12827 (1.0.0)
    package12828 (1.0.0)
    package12829 (1.0.0)
    package12830 (1.0.0)
    package12831 (1.0.0)
    package12832 (1.0.0)
    package12833 (1.0.0)
    package12834 (1.0.0)
    package12835 (1.0.0)
    package12836 (1.0.0)
    package12837 (1.0.0)
    package12838 (1.0.0)
    package12839 (1.0.0)
    package12840 (1.0.0)
    package12841 (1.0.0)
    package12842 (1.0.0)
    package12843 (1.0.0)
    package12844 (1.0.0)
    package12845 (1.0.0)
    package12846 (1.0.0)
    package12847 (1.0.0)
    package12848 (1.0.0)
    package12849 (1.0.0)
    package12850 (1.0.0)
    package12851 (1.0.0)
    package12852 (1.0.0)
    package12853 (1.0.0)
    package12854 (1.0.0)
    package12855 (1.0.0)
    package12856 (1.0.0)
    package12857 (1.0.0)
    package12858 (1.0.0)
    package12859 (1.0.0)
    package12860 (1.0.0)
    package12861 (1.0.0)
    package12862 (1.0.0)
    package12863 (1.0.0)
    package12864 (1.0.0)
    package12865 (1.0.0)
    package12866 (1.0.0)
    package12867 (1.0.0)
    package12868 (1.0.0)
    package12869 (1.0.0)
    package12870 (1.0.0)
    package12871 (1.0.0)
    package12872 (1.0.0)
    package12873 (1.0.0)
    package12874 (1.0.0)
    package12875 (1.0.0)
    package12876 (1.0.0)
    package12877 (1.0.0)
    package12878 (1.0.0)
    package12879 (1.0.0)
    package12880 (1.0.0)
    package12881 (1.0.0)
    package12882 (1.0.0)
    package12883 (1.0.0)
    package12884 (1.0.0)
    package12885 (1.0.0)
    package12886 (1.0.0)
    package12887 (1.0.0)
    package12888 (1.0.0)
    package12889 (1.0.0)
    package12890 (1.0.0)
    package12891 (1.0.0)
    package12892 (1.0.0)
    package12893 (1.0.0)
    package12894 (1.0.0)
    package12895 (1.0.0)
    package12896 (1.0.0)
    package12897 (1.0.0)
    package12898 (1.0.0)
    package12899 (1.0.0)
    package12900 (1.0.0)
    package12901 (1.0.0)
    package12902 (1.0.0)
    package12903 (1.0.0)
    package12904 (1.0.0)
    package12905 (1.0.0)
    package12906 (1.0.0)
    package12907 (1.0.0)
    package12908 (1.0.0)
    package12909 (1.0.0)
    package12910 (1.0.0)
    package12911 (1.0.0)
    package12912 (1.0.0)
    package12913 (1.0.0)
    package12914 (1.0.0)
    package12915 (1.0.0)
    package12916 (1.0.0)
    package12917 (1.0.0)
    package12918 (1.0.0)
    package12919 (1.0.0)
    package12920 (1.0.0)
    package12921 (1.0.0)
    package12922 (1.0.0)
    package12923 (1.0.0)
    package12924 (1.0.0)
    package12925 (1.0.0)
    package12926 (1.0.0)
    package12927 (1.0.0)
    package12928 (1.0.0)
    package12929 (1.0.0)
    package12930 (1.0.0)
    package12931 (1.0.0)
    package12932 (1.0.0)
    package12933 (1.0.0)
    package12934 (1.0.0)
    package12935 (1.0.0)
    package12936 (1.0.0)
    package12937 (1.0.0)
    package12938 (1.0.0)
    package12939 (1.0.0)
    package12940 (1.0.0)
    package12941 (1.0.0)
    package12942 (1.0.0)
    package12943 (1.0.0)
    package12944 (1.0.0)
    package12945 (1.0.0)
    package12946 (1.0.0)
    package12947 (1.0.0)
    package12948 (1.0.0)
    package12949 (1.0.0)
    package12950 (1.0.0)
    package12951 (1.0.0)
    package12952 (1.0.0)
    package12953 (1.0.0)
    package12954 (1.0.0)
    package12955 (1.0.0)
    package12956 (1.0.0)
    package12957 (1.0.0)
    package12958 (1.0.0)
    package12959 (1.0.0)
    package12960 (1.0.0)
    package12961 (1.0.0)
    package12962 (1.0.0)
    package12963 (1.0.0)
    package12964 (1.0.0)
    package12965 (1.0.0)
    package12966 (1.0.0)
    package12967 (1.0.0)
    package12968 (1.0.0)
    package12969 (1.0.0)
    package12970 (1.0.0)
    package12971 (1.0.0)
    package12972 (1.0.0)
    package12973 (1.0.0)
    package12974 (1.0.0)
    package12975 (1.0.0)
    package12976 (1.0.0)
    package12977 (1.0.0)
    package12978 (1.0.0)
    package12979 (1.0.0)
    package12980 (1.0.0)
    package12981 (1.0.0)
    package12982 (1.0.0)
    package12983 (1.0.0)
    package12984 (1.0.0)
    package12985 (1.0.0)
    package12986 (1.0.0)
    package12987 (1.0.0)
    package12988 (1.0.0)
    package12989 (1.0.0)
    package12990 (1.0.0)
    package12991 (1.0.0)
    package12992 (1.0.0)
    package12993 (1.0.0)
    package12994 (1.0.0)
    package12995 (1.0.0)
    package12996 (1.0.0)
    package12997 (1.0.0)
    package12998 (1.0.0)
    package12999 (1.0.0)
    package13000 (1.0.0)
    package13001 (1.0.0)
    package13002 (1.0.0)
    package13003 (1.0.0)
    package13004 (1.0.0)
    package13005 (1.0.0)
    package13006 (1.0.0)
    package13007 (1.0.0)
    package13008 (1.0.0)
    package13009 (1.0.0)
    package13010 (1.0.0)
    package13011 (1.0.0)
    package13012 (1.0.0)
    package13013 (1.0.0)
    package13014 (1.0.0)
    package13015 (1.0.0)
    package13016 (1.0.0)
    package13017 (1.0.0)
    package13018 (1.0.0)
    package13019 (1.0.0)
    package13020 (1.0.0)
    package13021 (1.0.0)
    package13022 (1.0.0)
    package13023 (1.0.0)
    package13024 (1.0.0)
    package13025 (1.0.0)
    package13026 (1.0.0)
    package13027 (1.0.0)
    package13028 (1.0.0)
    package13029 (1.0.0)
    package13030 (1.0.0)
    package13031 (1.0.0)
    package13032 (1.0.0)
    package13033 (1.0.0)
    package13034 (1.0.0)
    package13035 (1.0.0)
    package13036 (1.0.0)
    package13037 (1.0.0)
    package13038 (1.0.0)
    package13039 (1.0.0)
    package13040 (1.0.0)
    package13041 (1.0.0)
    package13042 (1.0.0)
    package13043 (1.0.0)
    package13044 (1.0.0)
    package13045 (1.0.0)
    package13046 (1.0.0)
    package13047 (1.0.0)
    package13048 (1.0.0)
    package13049 (1.0.0)
    package13050 (1.0.0)
    package13051 (1.0.0)
    package13052 (1.0.0)
    package13053 (1.0.0)
    package13054 (1.0.0)
    package13055 (1.0.0)
    package13056 (1.0.0)
    package13057 (1.0.0)
    package13058 (1.0.0)
    package13059 (1.0.0)
    package13060 (1.0.0)
    package13061 (1.0.0)
    package13062 (1.0.0)
    package13063 (1.0.0)
    package13064 (1.0.0)
    package13065 (1.0.0)
    package13066 (1.0.0)
    package13067 (1.0.0)
    package13068 (1.0.0)
    package13069 (1.0.0)
    package13070 (1.0.0)
    package13071 (1.0.0)
    package13072 (1.0.0)
    package13073 (1.0.0)
    package13074 (1.0.0)
    package13075 (1.0.0)
    package13076 (1.0.0)
    package13077 (1.0.0)
    package13078 (1.0.0)
    package13079 (1.0.0)
    package13080 (1.0.0)
    package13081 (1.0.0)
    package13082 (1.0.0)
    package13083 (1.0.0)
    package13084 (1.0.0)
    package13085 (1.0.0)
    package13086 (1.0.0)
    package13087 (1.0.0)
    package13088 (1.0.0)
    package13089 (1.0.0)
    package13090 (1.0.0)
    package13091 (1.0.0)
    package13092 (1.0.0)
    package13093 (1.0.0)
    package13094 (1.0.0)
    package13095 (1.0.0)
    package13096 (1.0.0)
    package13097 (1.0.0)
    package13098 (1.0.0)
    package13099 (1.0.0)
    package13100 (1.0.0)
    package13101 (1.0.0)
    package13102 (1.0.0)
    package13103 (1.0.0)
    package13104 (1.0.0)
    package13105 (1.0.0)
    package13106 (1.0.0)
    package13107 (1.0.0)
    package13108 (1.0.0)
    package13109 (1.0.0)
    package13110 (1.0.0)
    package13111 (1.0.0)
    package13112 (1.0.0)
    package13113 (1.0.0)
    package13114 (1.0.0)
    package13115 (1.0.0)
    package13116 (1.0.0)
    package13117 (1.0.0)
    package13118 (1.0.0)
    package13119 (1.0.0)
    package13120 (1.0.0)
    package13121 (1.0.0)
    package13122 (1.0.0)
    package13123 (1.0.0)
    package13124 (1.0.0)
    package13125 (1.0.0)
    package13126 (1.0.0)
    package13127 (1.0.0)
    package13128 (1.0.0)
    package13129 (1.0.0)
    package13130 (1.0.0)
    package13131 (1.0.0)
    package13132 (1.0.0)
    package13133 (1.0.0)
    package13134 (1.0.0)
    package13135 (1.0.0)
    package13136 (1.0.0)
    package13137 (1.0.0)
    package13138 (1.0.0)
    package13139 (1.0.0)
    package13140 (1.0.0)
    package13141 (1.0.0)
    package13142 (1.0.0)
    package13143 (1.0.0)
    package13144 (1.0.0)
    package13145 (1.0.0)
    package13146 (1.0.0)
    package13147 (1.0.0)
    package13148 (1.0.0)
    package13149 (1.0.0)
    package13150 (1.0.0)
    package13151 (1.0.0)
    package13152 (1.0.0)
    package13153 (1.0.0)
    package13154 (1.0.0)
    package13155 (1.0.0)
    package13156 (1.0.0)
    package13157 (1.0.0)
    package13158 (1.0.0)
    package13159 (1.0.0)
    package13160 (1.0.0)
    package13161 (1.0.0)
    package13162 (1.0.0)
    package13163 (1.0.0)
    package13164 (1.0.0)
    package13165 (1.0.0)
    package13166 (1.0.0)
    package13167 (1.0.0)
    package13168 (1.0.0)
    package13169 (1.0.0)
    package13170 (1.0.0)
    package13171 (1.0.0)
    package13172 (1.0.0)
    package13173 (1.0.0)
    package13174 (1.0.0)
    package13175 (1.0.0)
    package13176 (1.0.0)
    package13177 (1.0.0)
    package13178 (1.0.0)
    package13179 (1.0.0)
    package13180 (1.0.0)
    package13181 (1.0.0)
    package13182 (1.0.0)
    package13183 (1.0.0)
    package13184 (1.0.0)
    package13185 (1.0.0)
    package13186 (1.0.0)
    package13187 (1.0.0)
    package13188 (1.0.0)
    package13189 (1.0.0)
    package13190 (1.0.0)
    package13191 (1.0.0)
    package13192 (1.0.0)
    package13193 (1.0.0)
    package13194 (1.0.0)
    package13195 (1.0.0)
    package13196 (1.0.0)
    package13197 (1.0.0)
    package13198 (1.0.0)
    package13199 (1.0.0)
    package13200 (1.0.0)
    package13201 (1.0.0)
    package13202 (1.0.0)
    package13203 (1.0.0)
    package13204 (1.0.0)
    package13205 (1.0.0)
    package13206 (1.0.0)
    package13207 (1.0.0)
    package13208 (1.0.0)
    package13209 (1.0.0)
    package13210 (1.0.0)
    package13211 (1.0.0)
    package13212 (1.0.0)
    package13213 (1.0.0)
    package13214 (1.0.0)
    package13215 (1.0.0)
    package13216 (1.0.0)
    package13217 (1.0.0)
    package13218 (1.0.0)
    package13219 (1.0.0)
    package13220 (1.0.0)
    package13221 (1.0.0)
    package13222 (1.0.0)
    package13223 (1.0.0)
    package13224 (1.0.0)
    package13225 (1.0.0)
    package13226 (1.0.0)
    package13227 (1.0.0)
    package13228 (1.0.0)
    package13229 (1.0.0)
    package13230 (1.0.0)
    package13231 (1.0.0)
    package13232 (1.0.0)
    package13233 (1.0.0)
    package13234 (1.0.0)
    package13235 (1.0.0)
    package13236 (1.0.0)
    package13237 (1.0.0)
    package13238 (1.0.0)
    package13239 (1.0.0)
    package13240 (1.0.0)
    package13241 (1.0.0)
    package13242 (1.0.0)
    package13243 (1.0.0)
    package13244 (1.0.0)
    package13245 (1.0.0)
    package13246 (1.0.0)
    package13247 (1.0.0)
    package13248 (1.0.0)
    package13249 (1.0.0)
    package13250 (1.0.0)
    package13251 (1.0.0)
    package13252 (1.0.0)
    package13253 (1.0.0)
    package13254 (1.0.0)
    package13255 (1.0.0)
    package13256 (1.0.0)
    package13257 (1.0.0)
    package13258 (1.0.0)
    package13259 (1.0.0)
    package13260 (1.0.0)
    package13261 (1.0.0)
    package13262 (1.0.0)
    package13263 (1.0.0)
    package13264 (1.0.0)
    package13265 (1.0.0)
    package13266 (1.0.0)
    package13267 (1.0.0)
    package13268 (1.0.0)
    package13269 (1.0.0)
    package13270 (1.0.0)
    package13271 (1.0.0)
    package13272 (1.0.0)
    package13273 (1.0.0)
    package13274 (1.0.0)
    package13275 (1.0.0)
    package13276 (1.0.0)
    package13277 (1.0.0)
    package13278 (1.0.0)
    package13279 (1.0.0)
    package13280 (1.0.0)
    package13281 (1.0.0)
    package13282 (1.0.0)
    package13283 (1.0.0)
    package13284 (1.0.0)
    package13285 (1.0.0)
    package13286 (1.0.0)
    package13287 (1.0.0)
    package13288 (1.0.0)
    package13289 (1.0.0)
    package13290 (1.0.0)
    package13291 (1.0.0)
    package13292 (1.0.0)
    package13293 (1.0.0)
    package13294 (1.0.0)
    package13295 (1.0.0)
    package13296 (1.0.0)
    package13297 (1.0.0)
    package13298 (1.0.0)
    package13299 (1.0.0)
    package13300 (1.0.0)
    package13301 (1.0.0)
    package13302 (1.0.0)
    package13303 (1.0.0)
    package13304 (1.0.0)
    package13305 (1.0.0)
    package13306 (1.0.0)
    package13307 (1.0.0)
    package13308 (1.0.0)
    package13309 (1.0.0)
    package13310 (1.0.0)
    package13311 (1.0.0)
    package13312 (1.0.0)
    package13313 (1.0.0)
    package13314 (1.0.0)
    package13315 (1.0.0)
    package13316 (1.0.0)
    package13317 (1.0.0)
    package13318 (1.0.0)
    package13319 (1.0.0)
    package13320 (1.0.0)
    package13321 (1.0.0)
    package13322 (1.0.0)
    package13323 (1.0.0)
    package13324 (1.0.0)
    package13325 (1.0.0)
    package13326 (1.0.0)
    package13327 (1.0.0)
    package13328 (1.0.0)
    package13329 (1.0.0)
    package13330 (1.0.0)
    package13331 (1.0.0)
    package13332 (1.0.0)
    package13333 (1.0.0)
    package13334 (1.0.0)
    package13335 (1.0.0)
    package13336 (1.0.0)
    package13337 (1.0.0)
    package13338 (1.0.0)
    package13339 (1.0.0)
    package13340 (1.0.0)
    package13341 (1.0.0)
    package13342 (1.0.0)
    package13343 (1.0.0)
    package13344 (1.0.0)
    package13345 (1.0.0)
    package13346 (1.0.0)
    package13347 (1.0.0)
    package13348 (1.0.0)
    package13349 (1.0.0)
    package13350 (1.0.0)
    package13351 (1.0.0)
    package13352 (1.0.0)
    package13353 (1.0.0)
    package13354 (1.0.0)
    package13355 (1.0.0)
    package13356 (1.0.0)
    package13357 (1.0.0)
    package13358 (1.0.0)
    package13359 (1.0.0)
    package13360 (1.0.0)
    package13361 (1.0.0)
    package13362 (1.0.0)
    package13363 (1.0.0)
    package13364 (1.0.0)
    package13365 (1.0.0)
    package13366 (1.0.0)
    package13367 (1.0.0)
    package13368 (1.0.0)
    package13369 (1.0.0)
    package13370 (1.0.0)
    package13371 (1.0.0)
    package13372 (1.0.0)
    package13373 (1.0.0)
    package13374 (1.0.0)
    package13375 (1.0.0)
    package13376 (1.0.0)
    package13377 (1.0.0)
    package13378 (1.0.0)
    package13379 (1.0.0)
    package13380 (1.0.0)
    package13381 (1.0.0)
    package13382 (1.0.0)
    package13383 (1.0.0)
    package13384 (1.0.0)
    package13385 (1.0.0)
    package13386 (1.0.0)
    package13387 (1.0.0)
    package13388 (1.0.0)
    package13389 (1.0.0)
    package13390 (1.0.0)
    package13391 (1.0.0)
    package13392 (1.0.0)
    package13393 (1.0.0)
    package13394 (1.0.0)
    package13395 (1.0.0)
    package13396 (1.0.0)
    package13397 (1.0.0)
    package13398 (1.0.0)
    package13399 (1.0.0)
    package13400 (1.0.0)
    package13401 (1.0.0)
    package13402 (1.0.0)
    package13403 (1.0.0)
    package13404 (1.0.0)
    package13405 (1.0.0)
    package13406 (1.0.0)
    package13407 (1.0.0)
    package13408 (1.0.0)
    package13409 (1.0.0)
    package13410 (1.0.0)
    package13411 (1.0.0)
    package13412 (1.0.0)
    package13413 (1.0.0)
    package13414 (1.0.0)
    package13415 (1.0.0)
    package13416 (1.0.0)
    package13417 (1.0.0)
    package13418 (1.0.0)
    package13419 (1.0.0)
    package13420 (1.0.0)
    package13421 (1.0.0)
    package13422 (1.0.0)
    package13423 (1.0.0)
    package13424 (1.0.0)
    package13425 (1.0.0)
    package13426 (1.0.0)
    package13427 (1.0.0)
    package13428 (1.0.0)
    package13429 (1.0.0)
    package13430 (1.0.0)
    package13431 (1.0.0)
    package13432 (1.0.0)
    package13433 (1.0.0)
    package13434 (1.0.0)
    package13435 (1.0.0)
    package13436 (1.0.0)
    package13437 (1.0.0)
    package13438 (1.0.0)
    package13439 (1.0.0)
    package13440 (1.0.0)
    package13441 (1.0.0)
    package13442 (1.0.0)
    package13443 (1.0.0)
    package13444 (1.0.0)
    package13445 (1.0.0)
    package13446 (1.0.0)
    package13447 (1.0.0)
    package13448 (1.0.0)
    package13449 (1.0.0)
    package13450 (1.0.0)
    package13451 (1.0.0)
    package13452 (1.0.0)
    package13453 (1.0.0)
    package13454 (1.0.0)
    package13455 (1.0.0)
    package13456 (1.0.0)
    package13457 (1.0.0)
    package13458 (1.0.0)
    package13459 (1.0.0)
    package13460 (1.0.0)
    package13461 (1.0.0)
    package13462 (1.0.0)
    package13463 (1.0.0)
    package13464 (1.0.0)
    package13465 (1.0.0)
    package13466 (1.0.0)
    package13467 (1.0.0)
    package13468 (1.0.0)
    package13469 (1.0.0)
    package13470 (1.0.0)
    package13471 (1.0.0)
    package13472 (1.0.0)
    package13473 (1.0.0)
    package13474 (1.0.0)
    package13475 (1.0.0)
    package13476 (1.0.0)
    package13477 (1.0.0)
    package13478 (1.0.0)
    package13479 (1.0.0)
    package13480 (1.0.0)
    package13481 (1.0.0)
    package13482 (1.0.0)
    package13483 (1.0.0)
    package13484 (1.0.0)
    package13485 (1.0.0)
    package13486 (1.0.0)
    package13487 (1.0.0)
    package13488 (1.0.0)
    package13489 (1.0.0)
    package13490 (1.0.0)
    package13491 (1.0.0)
    package13492 (1.0.0)
    package13493 (1.0.0)
    package13494 (1.0.0)
    package13495 (1.0.0)
    package13496 (1.0.0)
    package13497 (1.0.0)
    package13498 (1.0.0)
    package13499 (1.0.0)
    package13500 (1.0.0)
    package13501 (1.0.0)
    package13502 (1.0.0)
    package13503 (1.0.0)
    package13504 (1.0.0)
    package13505 (1.0.0)
    package13506 (1.0.0)
    package13507 (1.0.0)
    package13508 (1.0.0)
    package13509 (1.0.0)
    package13510 (1.0.0)
    package13511 (1.0.0)
    package13512 (1.0.0)
    package13513 (1.0.0)
    package13514 (1.0.0)
    package13515 (1.0.0)
    package13516 (1.0.0)
    package13517 (1.0.0)
    package13518 (1.0.0)
    package13519 (1.0.0)
    package13520 (1.0.0)
    package13521 (1.0.0)
    package13522 (1.0.0)
    package13523 (1.0.0)
    package13524 (1.0.0)
    package13525 (1.0.0)
    package13526 (1.0.0)
    package13527 (1.0.0)
    package13528 (1.0.0)
    package13529 (1.0.0)
    package13530 (1.0.0)
    package13531 (1.0.0)
    package13532 (1.0.0)
    package13533 (1.0.0)
    package13534 (1.0.0)
    package13535 (1.0.0)
    package13536 (1.0.0)
    package13537 (1.0.0)
    package13538 (1.0.0)
    package13539 (1.0.0)
    package13540 (1.0.0)
    package13541 (1.0.0)
    package13542 (1.0.0)
    package13543 (1.0.0)
    package13544 (1.0.0)
    package13545 (1.0.0)
    package13546 (1.0.0)
    package13547 (1.0.0)
    package13548 (1.0.0)
    package13549 (1.0.0)
    package13550 (1.0.0)
    package13551 (1.0.0)
    package13552 (1.0.0)
    package13553 (1.0.0)
    package13554 (1.0.0)
    package13555 (1.0.0)
    package13556 (1.0.0)
    package13557 (1.0.0)
    package13558 (1.0.0)
    package13559 (1.0.0)
    package13560 (1.0.0)
    package13561 (1.0.0)
    package13562 (1.0.0)
    package13563 (1.0.0)
    package13564 (1.0.0)
    package13565 (1.0.0)
    package13566 (1.0.0)
    package13567 (1.0.0)
    package13568 (1.0.0)
    package13569 (1.0.0)
    package13570 (1.0.0)
    package13571 (1.0.0)
    package13572 (1.0.0)
    package13573 (1.0.0)
    package13574 (1.0.0)
    package13575 (1.0.0)
    package13576 (1.0.0)
    package13577 (1.0.0)
    package13578 (1.0.0)
    package13579 (1.0.0)
    package13580 (1.0.0)
    package13581 (1.0.0)
    package13582 (1.0.0)
    package13583 (1.0.0)
    package13584 (1.0.0)
    package13585 (1.0.0)
    package13586 (1.0.0)
    package13587 (1.0.0)
    package13588 (1.0.0)
    package13589 (1.0.0)
    package13590 (1.0.0)
    package13591 (1.0.0)
    package13592 (1.0.0)
    package13593 (1.0.0)
    package13594 (1.0.0)
    package13595 (1.0.0)
    package13596 (1.0.0)
    package13597 (1.0.0)
    package13598 (1.0.0)
    package13599 (1.0.0)
    package13600 (1.0.0)
    package13601 (1.0.0)
    package13602 (1.0.0)
    package13603 (1.0.0)
    package13604 (1.0.0)
    package13605 (1.0.0)
    package13606 (1.0.0)
    package13607 (1.0.0)
    package13608 (1.0.0)
    package13609 (1.0.0)
    package13610 (1.0.0)
    package13611 (1.0.0)
    package13612 (1.0.0)
    package13613 (1.0.0)
    package13614 (1.0.0)
    package13615 (1.0.0)
    package13616 (1.0.0)
    package13617 (1.0.0)
    package13618 (1.0.0)
    package13619 (1.0.0)
    package13620 (1.0.0)
    package13621 (1.0.0)
    package13622 (1.0.0)
    package13623 (1.0.0)
    package13624 (1.0.0)
    package13625 (1.0.0)
    package13626 (1.0.0)
    package13627 (1.0.0)
    package13628 (1.0.0)
    package13629 (1.0.0)
    package13630 (1.0.0)
    package13631 (1.0.0)
    package13632 (1.0.0)
    package13633 (1.0.0)
    package13634 (1.0.0)
    package13635 (1.0.0)
    package13636 (1.0.0)
    package13637 (1.0.0)
    package13638 (1.0.0)
    package13639 (1.0.0)
    package13640 (1.0.0)
    package13641 (1.0.0)
    package13642 (1.0.0)
    package13643 (1.0.0)
    package13644 (1.0.0)
    package13645 (1.0.0)
    package13646 (1.0.0)
    package13647 (1.0.0)
    package13648 (1.0.0)
    package13649 (1.0.0)
    package13650 (1.0.0)
    package13651 (1.0.0)
    package13652 (1.0.0)
    package13653 (1.0.0)
    package13654 (1.0.0)
    package13655 (1.0.0)
    package13656 (1.0.0)
    package13657 (1.0.0)
    package13658 (1.0.0)
    package13659 (1.0.0)
    package13660 (1.0.0)
    package13661 (1.0.0)
    package13662 (1.0.0)
    package13663 (1.0.0)
    package13664 (1.0.0)
    package13665 (1.0.0)
    package13666 (1.0.0)
    package13667 (1.0.0)
    package13668 (1.0.0)
    package13669 (1.0.0)
    package13670 (1.0.0)
    package13671 (1.0.0)
    package13672 (1.0.0)
    package13673 (1.0.0)
    package13674 (1.0.0)
    package13675 (1.0.0)
    package13676 (1.0.0)
    package13677 (1.0.0)
    package13678 (1.0.0)
    package13679 (1.0.0)
    package13680 (1.0.0)
    package13681 (1.0.0)
    package13682 (1.0.0)
    package13683 (1.0.0)
    package13684 (1.0.0)
    package13685 (1.0.0)
    package13686 (1.0.0)
    package13687 (1.0.0)
    package13688 (1.0.0)
    package13689 (1.0.0)
    package13690 (1.0.0)
    package13691 (1.0.0)
    package13692 (1.0.0)
    package13693 (1.0.0)
    package13694 (1.0.0)
    package13695 (1.0.0)
    package13696 (1.0.0)
    package13697 (1.0.0)
    package13698 (1.0.0)
    package13699 (1.0.0)
    package13700 (1.0.0)
    package13701 (1.0.0)
    package13702 (1.0.0)
    package13703 (1.0.0)
    package13704 (1.0.0)
    package13705 (1.0.0)
    package13706 (1.0.0)
    package13707 (1.0.0)
    package13708 (1.0.0)
    package13709 (1.0.0)
    package13710 (1.0.0)
    package13711 (1.0.0)
    package13712 (1.0.0)
    package13713 (1.0.0)
    package13714 (1.0.0)
    package13715 (1.0.0)
    package13716 (1.0.0)
    package13717 (1.0.0)
    package13718 (1.0.0)
    package13719 (1.0.0)
    package13720 (1.0.0)
    package13721 (1.0.0)
    package13722 (1.0.0)
    package13723 (1.0.0)
    package13724 (1.0.0)
    package13725 (1.0.0)
    package13726 (1.0.0)
    package13727 (1.0.0)
    package13728 (1.0.0)
    package13729 (1.0.0)
    package13730 (1.0.0)
    package13731 (1.0.0)
    package13732 (1.0.0)
    package13733 (1.0.0)
    package13734 (1.0.0)
    package13735 (1.0.0)
    package13736 (1.0.0)
    package13737 (1.0.0)
    package13738 (1.0.0)
    package13739 (1.0.0)
    package13740 (1.0.0)
    package13741 (1.0.0)
    package13742 (1.0.0)
    package13743 (1.0.0)
    package13744 (1.0.0)
    package13745 (1.0.0)
    package13746 (1.0.0)
    package13747 (1.0.0)
    package13748 (1.0.0)
    package13749 (1.0.0)
    package13750 (1.0.0)
    package13751 (1.0.0)
    package13752 (1.0.0)
    package13753 (1.0.0)
    package13754 (1.0.0)
    package13755 (1.0.0)
    package13756 (1.0.0)
    package13757 (1.0.0)
    package13758 (1.0.0)
    package13759 (1.0.0)
    package13760 (1.0.0)
    package13761 (1.0.0)
    package13762 (1.0.0)
    package13763 (1.0.0)
    package13764 (1.0.0)
    package13765 (1.0.0)
    package13766 (1.0.0)
    package13767 (1.0.0)
    package13768 (1.0.0)
    package13769 (1.0.0)
    package13770 (1.0.0)
    package13771 (1.0.0)
    package13772 (1.0.0)
    package13773 (1.0.0)
    package13774 (1.0.0)
    package13775 (1.0.0)
    package13776 (1.0.0)
    package13777 (1.0.0)
    package13778 (1.0.0)
    package13779 (1.0.0)
    package13780 (1.0.0)
    package13781 (1.0.0)
    package13782 (1.0.0)
    package13783 (1.0.0)
    package13784 (1.0.0)
    package13785 (1.0.0)
    package13786 (1.0.0)
    package13787 (1.0.0)
    package13788 (1.0.0)
    package13789 (1.0.0)
    package13790 (1.0.0)
    package13791 (1.0.0)
    package13792 (1.0.0)
    package13793 (1.0.0)
    package13794 (1.0.0)
    package13795 (1.0.0)
    package13796 (1.0.0)
    package13797 (1.0.0)
    package13798 (1.0.0)
    package13799 (1.0.0)
    package13800 (1.0.0)
    package13801 (1.0.0)
    package13802 (1.0.0)
    package13803 (1.0.0)
    package13804 (1.0.0)
    package13805 (1.0.0)
    package13806 (1.0.0)
    package13807 (1.0.0)
    package13808 (1.0.0)
    package13809 (1.0.0)
    package13810 (1.0.0)
    package13811 (1.0.0)
    package13812 (1.0.0)
    package13813 (1.0.0)
    package13814 (1.0.0)
    package13815 (1.0.0)
    package13816 (1.0.0)
    package13817 (1.0.0)
    package13818 (1.0.0)
    package13819 (1.0.0)
    package13820 (1.0.0)
    package13821 (1.0.0)
    package13822 (1.0.0)
    package13823 (1.0.0)
    package13824 (1.0.0)
    package13825 (1.0.0)
    package13826 (1.0.0)
    package13827 (1.0.0)
    package13828 (1.0.0)
    package13829 (1.0.0)
    package13830 (1.0.0)
    package13831 (1.0.0)
    package13832 (1.0.0)
    package13833 (1.0.0)
    package13834 (1.0.0)
    package13835 (1.0.0)
    package13836 (1.0.0)
    package13837 (1.0.0)
    package13838 (1.0.0)
    package13839 (1.0.0)
    package13840 (1.0.0)
    package13841 (1.0.0)
    package13842 (1.0.0)
    package13843 (1.0.0)
    package13844 (1.0.0)
    package13845 (1.0.0)
    package13846 (1.0.0)
    package13847 (1.0.0)
    package13848 (1.0.0)
    package13849 (1.0.0)
    package13850 (1.0.0)
    package13851 (1.0.0)
    package13852 (1.0.0)
    package13853 (1.0.0)
    package13854 (1.0.0)
    package13855 (1.0.0)
    package13856 (1.0.0)
    package13857 (1.0.0)
    package13858 (1.0.0)
    package13859 (1.0.0)
    package13860 (1.0.0)
    package13861 (1.0.0)
    package13862 (1.0.0)
    package13863 (1.0.0)
    package13864 (1.0.0)
    package13865 (1.0.0)
    package13866 (1.0.0)
    package13867 (1.0.0)
    package13868 (1.0.0)
    package13869 (1.0.0)
    package13870 (1.0.0)
    package13871 (1.0.0)
    package13872 (1.0.0)
    package13873 (1.0.0)
    package13874 (1.0.0)
    package13875 (1.0.0)
    package13876 (1.0.0)
    package13877 (1.0.0)
    package13878 (1.0.0)
    package13879 (1.0.0)
    package13880 (1.0.0)
    package13881 (1.0.0)
    package13882 (1.0.0)
    package13883 (1.0.0)
    package13884 (1.0.0)
    package13885 (1.0.0)
    package13886 (1.0.0)
    package13887 (1.0.0)
    package13888 (1.0.0)
    package13889 (1.0.0)
    package13890 (1.0.0)
    package13891 (1.0.0)
    package13892 (1.0.0)
    package13893 (1.0.0)
    package13894 (1.0.0)
    package13895 (1.0.0)
    package13896 (1.0.0)
    package13897 (1.0.0)
    package13898 (1.0.0)
    package13899 (1.0.0)
    package13900 (1.0.0)
    package13901 (1.0.0)
    package13902 (1.0.0)
    package13903 (1.0.0)
    package13904 (1.0.0)
    package13905 (1.0.0)
    package13906 (1.0.0)
    package13907 (1.0.0)
    package13908 (1.0.0)
    package13909 (1.0.0)
    package13910 (1.0.0)
    package13911 (1.0.0)
    package13912 (1.0.0)
    package13913 (1.0.0)
    package13914 (1.0.0)
    package13915 (1.0.0)
    package13916 (1.0.0)
    package13917 (1.0.0)
    package13918 (1.0.0)
    package13919 (1.0.0)
    package13920 (1.0.0)
    package13921 (1.0.0)
    package13922 (1.0.0)
    package13923 (1.0.0)
    package13924 (1.0.0)
    package13925 (1.0.0)
    package13926 (1.0.0)
    package13927 (1.0.0)
    package13928 (1.0.0)
    package13929 (1.0.0)
    package13930 (1.0.0)
    package13931 (1.0.0)
    package13932 (1.0.0)
    package13933 (1.0.0)
    package13934 (1.0.0)
    package13935 (1.0.0)
    package13936 (1.0.0)
    package13937 (1.0.0)
    package13938 (1.0.0)
    package13939 (1.0.0)
    package13940 (1.0.0)
    package13941 (1.0.0)
    package13942 (1.0.0)
    package13943 (1.0.0)
    package13944 (1.0.0)
    package13945 (1.0.0)
    package13946 (1.0.0)
    package13947 (1.0.0)
    package13948 (1.0.0)
    package13949 (1.0.0)
    package13950 (1.0.0)
    package13951 (1.0.0)
    package13952 (1.0.0)
    package13953 (1.0.0)
    package13954 (1.0.0)
    package13955 (1.0.0)
    package13956 (1.0.0)
    package13957 (1.0.0)
    package13958 (1.0.0)
    package13959 (1.0.0)
    package13960 (1.0.0)
    package13961 (1.0.0)
    package13962 (1.0.0)
    package13963 (1.0.0)
    package13964 (1.0.0)
    package13965 (1.0.0)
    package13966 (1.0.0)
    package13967 (1.0.0)
    package13968 (1.0.0)
    package13969 (1.0.0)
    package13970 (1.0.0)
    package13971 (1.0.0)
    package13972 (1.0.0)
    package13973 (1.0.0)
    package13974 (1.0.0)
    package13975 (1.0.0)
    package13976 (1.0.0)
    package13977 (1.0.0)
    package13978 (1.0.0)
    package13979 (1.0.0)
    package13980 (1.0.0)
    package13981 (1.0.0)
    package13982 (1.0.0)
    package13983 (1.0.0)
    package13984 (1.0.0)
    package13985 (1.0.0)
    package13986 (1.0.0)
    package13987 (1.0.0)
    package13988 (1.0.0)
    package13989 (1.0.0)
    package13990 (1.0.0)
    package13991 (1.0.0)
    package13992 (1.0.0)
    package13993 (1.0.0)
    package13994 (1.0.0)
    package13995 (1.0.0)
    package13996 (1.0.0)
    package13997 (1.0.0)
    package13998 (1.0.0)
    package13999 (1.0.0)
    package14000 (1.0.0)
    package14001 (1.0.0)
    package14002 (1.0.0)
    package14003 (1.0.0)
    package14004 (1.0.0)
    package14005 (1.0.0)
    package14006 (1.0.0)
    package14007 (1.0.0)
    package14008 (1.0.0)
    package14009 (1.0.0)
    package14010 (1.0.0)
    package14011 (1.0.0)
    package14012 (1.0.0)
    package14013 (1.0.0)
    package14014 (1.0.0)
    package14015 (1.0.0)
    package14016 (1.0.0)
    package14017 (1.0.0)
    package14018 (1.0.0)
    package14019 (1.0.0)
    package14020 (1.0.0)
    package14021 (1.0.0)
    package14022 (1.0.0)
    package14023 (1.0.0)
    package14024 (1.0.0)
    package14025 (1.0.0)
    package14026 (1.0.0)
    package14027 (1.0.0)
    package14028 (1.0.0)
    package14029 (1.0.0)
    package14030 (1.0.0)
    package14031 (1.0.0)
    package14032 (1.0.0)
    package14033 (1.0.0)
    package14034 (1.0.0)
    package14035 (1.0.0)
    package14036 (1.0.0)
    package14037 (1.0.0)
    package14038 (1.0.0)
    package14039 (1.0.0)
    package14040 (1.0.0)
    package14041 (1.0.0)
    package14042 (1.0.0)
    package14043 (1.0.0)
    package14044 (1.0.0)
    package14045 (1.0.0)
    package14046 (1.0.0)
    package14047 (1.0.0)
    package14048 (1.0.0)
    package14049 (1.0.0)
    package14050 (1.0.0)
    package14051 (1.0.0)
    package14052 (1.0.0)
    package14053 (1.0.0)
    package14054 (1.0.0)
    package14055 (1.0.0)
    package14056 (1.0.0)
    package14057 (1.0.0)
    package14058 (1.0.0)
    package14059 (1.0.0)
    package14060 (1.0.0)
    package14061 (1.0.0)
    package14062 (1.0.0)
    package14063 (1.0.0)
    package14064 (1.0.0)
    package14065 (1.0.0)
    package14066 (1.0.0)
    package14067 (1.0.0)
    package14068 (1.0.0)
    package14069 (1.0.0)
    package14070 (1.0.0)
    package14071 (1.0.0)
    package14072 (1.0.0)
    package14073 (1.0.0)
    package14074 (1.0.0)
    package14075 (1.0.0)
    package14076 (1.0.0)
    package14077 (1.0.0)
    package14078 (1.0.0)
    package14079 (1.0.0)
    package14080 (1.0.0)
    package14081 (1.0.0)
    package14082 (1.0.0)
    package14083 (1.0.0)
    package14084 (1.0.0)
    package14085 (1.0.0)
    package14086 (1.0.0)
    package14087 (1.0.0)
    package14088 (1.0.0)
    package14089 (1.0.0)
    package14090 (1.0.0)
    package14091 (1.0.0)
    package14092 (1.0.0)
    package14093 (1.0.0)
    package14094 (1.0.0)
    package14095 (1.0.0)
    package14096 (1.0.0)
    package14097 (1.0.0)
    package14098 (1.0.0)
    package14099 (1.0.0)
    package14100 (1.0.0)
    package14101 (1.0.0)
    package14102 (1.0.0)
    package14103 (1.0.0)
    package14104 (1.0.0)
    package14105 (1.0.0)
    package14106 (1.0.0)
    package14107 (1.0.0)
    package14108 (1.0.0)
    package14109 (1.0.0)
    package14110 (1.0.0)
    package14111 (1.0.0)
    package14112 (1.0.0)
    package14113 (1.0.0)
    package14114 (1.0.0)
    package14115 (1.0.0)
    package14116 (1.0.0)
    package14117 (1.0.0)
    package14118 (1.0.0)
    package14119 (1.0.0)
    package14120 (1.0.0)
    package14121 (1.0.0)
    package14122 (1.0.0)
    package14123 (1.0.0)
    package14124 (1.0.0)
    package14125 (1.0.0)
    package14126 (1.0.0)
    package14127 (1.0.0)
    package14128 (1.0.0)
    package14129 (1.0.0)
    package14130 (1.0.0)
    package14131 (1.0.0)
    package14132 (1.0.0)
    package14133 (1.0.0)
    package14134 (1.0.0)
    package14135 (1.0.0)
    package14136 (1.0.0)
    package14137 (1.0.0)
    package14138 (1.0.0)
    package14139 (1.0.0)
    package14140 (1.0.0)
    package14141 (1.0.0)
    package14142 (1.0.0)
    package14143 (1.0.0)
    package14144 (1.0.0)
    package14145 (1.0.0)
    package14146 (1.0.0)
    package14147 (1.0.0)
    package14148 (1.0.0)
    package14149 (1.0.0)
    package14150 (1.0.0)
    package14151 (1.0.0)
    package14152 (1.0.0)
    package14153 (1.0.0)
    package14154 (1.0.0)
    package14155 (1.0.0)
    package14156 (1.0.0)
    package14157 (1.0.0)
    package14158 (1.0.0)
    package14159 (1.0.0)
    package14160 (1.0.0)
    package14161 (1.0.0)
    package14162 (1.0.0)
    package14163 (1.0.0)
    package14164 (1.0.0)
    package14165 (1.0.0)
    package14166 (1.0.0)
    package14167 (1.0.0)
    package14168 (1.0.0)
    package14169 (1.0.0)
    package14170 (1.0.0)
    package14171 (1.0.0)
    package14172 (1.0.0)
    package14173 (1.0.0)
    package14174 (1.0.0)
    package14175 (1.0.0)
    package14176 (1.0.0)
    package14177 (1.0.0)
    package14178 (1.0.0)
    package14179 (1.0.0)
    package14180 (1.0.0)
    package14181 (1.0.0)
    package14182 (1.0.0)
    package14183 (1.0.0)
    package14184 (1.0.0)
    package14185 (1.0.0)
    package14186 (1.0.0)
    package14187 (1.0.0)
    package14188 (1.0.0)
    package14189 (1.0.0)
    package14190 (1.0.0)
    package14191 (1.0.0)
    package14192 (1.0.0)
    package14193 (1.0.0)
    package14194 (1.0.0)
    package14195 (1.0.0)
    package14196 (1.0.0)
    package14197 (1.0.0)
    package14198 (1.0.0)
    package14199 (1.0.0)
    package14200 (1.0.0)
    package14201 (1.0.0)
    package14202 (1.0.0)
    package14203 (1.0.0)
    package14204 (1.0.0)
    package14205 (1.0.0)
    package14206 (1.0.0)
    package14207 (1.0.0)
    package14208 (1.0.0)
    package14209 (1.0.0)
    package14210 (1.0.0)
    package14211 (1.0.0)
    package14212 (1.0.0)
    package14213 (1.0.0)
    package14214 (1.0.0)
    package14215 (1.0.0)
    package14216 (1.0.0)
    package14217 (1.0.0)
    package14218 (1.0.0)
    package14219 (1.0.0)
    package14220 (1.0.0)
    package14221 (1.0.0)
    package14222 (1.0.0)
    package14223 (1.0.0)
    package14224 (1.0.0)
    package14225 (1.0.0)
    package14226 (1.0.0)
    package14227 (1.0.0)
    package14228 (1.0.0)
    package14229 (1.0.0)
    package14230 (1.0.0)
    package14231 (1.0.0)
    package14232 (1.0.0)
    package14233 (1.0.0)
    package14234 (1.0.0)
    package14235 (1.0.0)
    package14236 (1.0.0)
    package14237 (1.0.0)
    package14238 (1.0.0)
    package14239 (1.0.0)
    package14240 (1.0.0)
    package14241 (1.0.0)
    package14242 (1.0.0)
    package14243 (1.0.0)
    package14244 (1.0.0)
    package14245 (1.0.0)
    package14246 (1.0.0)
    package14247 (1.0.0)
    package14248 (1.0.0)
    package14249 (1.0.0)
    package14250 (1.0.0)
    package14251 (1.0.0)
    package14252 (1.0.0)
    package14253 (1.0.0)
    package14254 (1.0.0)
    package14255 (1.0.0)
    package14256 (1.0.0)
    package14257 (1.0.0)
    package14258 (1.0.0)
    package14259 (1.0.0)
    package14260 (1.0.0)
    package14261 (1.0.0)
    package14262 (1.0.0)
    package14263 (1.0.0)
    package14264 (1.0.0)
    package14265 (1.0.0)
    package14266 (1.0.0)
    package14267 (1.0.0)
    package14268 (1.0.0)
    package14269 (1.0.0)
    package14270 (1.0.0)
    package14271 (1.0.0)
    package14272 (1.0.0)
    package14273 (1.0.0)
    package14274 (1.0.0)
    package14275 (1.0.0)
    package14276 (1.0.0)
    package14277 (1.0.0)
    package14278 (1.0.0)
    package14279 (1.0.0)
    package14280 (1.0.0)
    package14281 (1.0.0)
    package14282 (1.0.0)
    package14283 (1.0.0)
    package14284 (1.0.0)
    package14285 (1.0.0)
    package14286 (1.0.0)
    package14287 (1.0.0)
    package14288 (1.0.0)
    package14289 (1.0.0)
    package14290 (1.0.0)
    package14291 (1.0.0)
    package14292 (1.0.0)
    package14293 (1.0.0)
    package14294 (1.0.0)
    package14295 (1.0.0)
    package14296 (1.0.0)
    package14297 (1.0.0)
    package14298 (1.0.0)
    package14299 (1.0.0)
    package14300 (1.0.0)
    package14301 (1.0.0)
    package14302 (1.0.0)
    package14303 (1.0.0)
    package14304 (1.0.0)
    package14305 (1.0.0)
    package14306 (1.0.0)
    package14307 (1.0.0)
    package14308 (1.0.0)
    package14309 (1.0.0)
    package14310 (1.0.0)
    package14311 (1.0.0)
    package14312 (1.0.0)
    package14313 (1.0.0)
    package14314 (1.0.0)
    package14315 (1.0.0)
    package14316 (1.0.0)
    package14317 (1.0.0)
    package14318 (1.0.0)
    package14319 (1.0.0)
    package14320 (1.0.0)
    package14321 (1.0.0)
    package14322 (1.0.0)
    package14323 (1.0.0)
    package14324 (1.0.0)
    package14325 (1.0.0)
    package14326 (1.0.0)
    package14327 (1.0.0)
    package14328 (1.0.0)
    package14329 (1.0.0)
    package14330 (1.0.0)
    package14331 (1.0.0)
    package14332 (1.0.0)
    package14333 (1.0.0)
    package14334 (1.0.0)
    package14335 (1.0.0)
    package14336 (1.0.0)
    package14337 (1.0.0)
    package14338 (1.0.0)
    package14339 (1.0.0)
    package14340 (1.0.0)
    package14341 (1.0.0)
    package14342 (1.0.0)
    package14343 (1.0.0)
    package14344 (1.0.0)
    package14345 (1.0.0)
    package14346 (1.0.0)
    package14347 (1.0.0)
    package14348 (1.0.0)
    package14349 (1.0.0)
    package14350 (1.0.0)
    package14351 (1.0.0)
    package14352 (1.0.0)
    package14353 (1.0.0)
    package14354 (1.0.0)
    package14355 (1.0.0)
    package14356 (1.0.0)
    package14357 (1.0.0)
    package14358 (1.0.0)
    package14359 (1.0.0)
    package14360 (1.0.0)
    package14361 (1.0.0)
    package14362 (1.0.0)
    package14363 (1.0.0)
    package14364 (1.0.0)
    package14365 (1.0.0)
    package14366 (1.0.0)
    package14367 (1.0.0)
    package14368 (1.0.0)
    package14369 (1.0.0)
    package14370 (1.0.0)
    package14371 (1.0.0)
    package14372 (1.0.0)
    package14373 (1.0.0)
    package14374 (1.0.0)
    package14375 (1.0.0)
    package14376 (1.0.0)
    package14377 (1.0.0)
    package14378 (1.0.0)
    package14379 (1.0.0)
    package14380 (1.0.0)
    package14381 (1.0.0)
    package14382 (1.0.0)
    package14383 (1.0.0)
    package14384 (1.0.0)
    package14385 (1.0.0)
    package14386 (1.0.0)
    package14387 (1.0.0)
    package14388 (1.0.0)
    package14389 (1.0.0)
    package14390 (1.0.0)
    package14391 (1.0.0)
    package14392 (1.0.0)
    package14393 (1.0.0)
    package14394 (1.0.0)
    package14395 (1.0.0)
    package14396 (1.0.0)
    package14397 (1.0.0)
    package14398 (1.0.0)
    package14399 (1.0.0)
    package14400 (1.0.0)
    package14401 (1.0.0)
    package14402 (1.0.0)
    package14403 (1.0.0)
    package14404 (1.0.0)
    package14405 (1.0.0)
    package14406 (1.0.0)
    package14407 (1.0.0)
    package14408 (1.0.0)
    package14409 (1.0.0)
    package14410 (1.0.0)
    package14411 (1.0.0)
    package14412 (1.0.0)
    package14413 (1.0.0)
    package14414 (1.0.0)
    package14415 (1.0.0)
    package14416 (1.0.0)
    package14417 (1.0.0)
    package14418 (1.0.0)
    package14419 (1.0.0)
    package14420 (1.0.0)
    package14421 (1.0.0)
    package14422 (1.0.0)
    package14423 (1.0.0)
    package14424 (1.0.0)
    package14425 (1.0.0)
    package14426 (1.0.0)
    package14427 (1.0.0)
    package14428 (1.0.0)
    package14429 (1.0.0)
    package14430 (1.0.0)
    package14431 (1.0.0)
    package14432 (1.0.0)
    package14433 (1.0.0)
    package14434 (1.0.0)
    package14435 (1.0.0)
    package14436 (1.0.0)
    package14437 (1.0.0)
    package14438 (1.0.0)
    package14439 (1.0.0)
    package14440 (1.0.0)
    package14441 (1.0.0)
    package14442 (1.0.0)
    package14443 (1.0.0)
    package14444 (1.0.0)
    package14445 (1.0.0)
    package14446 (1.0.0)
    package14447 (1.0.0)
    package14448 (1.0.0)
    package14449 (1.0.0)
    package14450 (1.0.0)
    package14451 (1.0.0)
    package14452 (1.0.0)
    package14453 (1.0.0)
    package14454 (1.0.0)
    package14455 (1.0.0)
    package14456 (1.0.0)
    package14457 (1.0.0)
    package14458 (1.0.0)
    package14459 (1.0.0)
    package14460 (1.0.0)
    package14461 (1.0.0)
    package14462 (1.0.0)
    package14463 (1.0.0)
    package14464 (1.0.0)
    package14465 (1.0.0)
    package14466 (1.0.0)
    package14467 (1.0.0)
    package14468 (1.0.0)
    package14469 (1.0.0)
    package14470 (1.0.0)
    package14471 (1.0.0)
    package14472 (1.0.0)
    package14473 (1.0.0)
    package14474 (1.0.0)
    package14475 (1.0.0)
    package14476 (1.0.0)
    package14477 (1.0.0)
    package14478 (1.0.0)
    package14479 (1.0.0)
    package14480 (1.0.0)
    package14481 (1.0.0)
    package14482 (1.0.0)
    package14483 (1.0.0)
    package14484 (1.0.0)
    package14485 (1.0.0)
    package14486 (1.0.0)
    package14487 (1.0.0)
    package14488 (1.0.0)
    package14489 (1.0.0)
    package14490 (1.0.0)
    package14491 (1.0.0)
    package14492 (1.0.0)
    package14493 (1.0.0)
    package14494 (1.0.0)
    package14495 (1.0.0)
    package14496 (1.0.0)
    package14497 (1.0.0)
    package14498 (1.0.0)
    package14499 (1.0.0)
    package14500 (1.0.0)
    package14501 (1.0.0)
    package14502 (1.0.0)
    package14503 (1.0.0)
    package14504 (1.0.0)
    package14505 (1.0.0)
    package14506 (1.0.0)
    package14507 (1.0.0)
    package14508 (1.0.0)
    package14509 (1.0.0)
    package14510 (1.0.0)
    package14511 (1.0.0)
    package14512 (1.0.0)
    package14513 (1.0.0)
    package14514 (1.0.0)
    package14515 (1.0.0)
    package14516 (1.0.0)
    package14517 (1.0.0)
    package14518 (1.0.0)
    package14519 (1.0.0)
    package14520 (1.0.0)
    package14521 (1.0.0)
    package14522 (1.0.0)
    package14523 (1.0.0)
    package14524 (1.0.0)
    package14525 (1.0.0)
    package14526 (1.0.0)
    package14527 (1.0.0)
    package14528 (1.0.0)
    package14529 (1.0.0)
    package14530 (1.0.0)
    package14531 (1.0.0)
    package14532 (1.0.0)
    package14533 (1.0.0)
    package14534 (1.0.0)
    package14535 (1.0.0)
    package14536 (1.0.0)
    package14537 (1.0.0)
    package14538 (1.0.0)
    package14539 (1.0.0)
    package14540 (1.0.0)
    package14541 (1.0.0)
    package14542 (1.0.0)
    package14543 (1.0.0)
    package14544 (1.0.0)
    package14545 (1.0.0)
    package14546 (1.0.0)
    package14547 (1.0.0)
    package14548 (1.0.0)
    package14549 (1.0.0)
    package14550 (1.0.0)
    package14551 (1.0.0)
    package14552 (1.0.0)
    package14553 (1.0.0)
    package14554 (1.0.0)
    package14555 (1.0.0)
    package14556 (1.0.0)
    package14557 (1.0.0)
    package14558 (1.0.0)
    package14559 (1.0.0)
    package14560 (1.0.0)
    package14561 (1.0.0)
    package14562 (1.0.0)
    package14563 (1.0.0)
    package14564 (1.0.0)
    package14565 (1.0.0)
    package14566 (1.0.0)
    package14567 (1.0.0)
    package14568 (1.0.0)
    package14569 (1.0.0)
    package14570 (1.0.0)
    package14571 (1.0.0)
    package14572 (1.0.0)
    package14573 (1.0.0)
    package14574 (1.0.0)
    package14575 (1.0.0)
    package14576 (1.0.0)
    package14577 (1.0.0)
    package14578 (1.0.0)
    package14579 (1.0.0)
    package14580 (1.0.0)
    package14581 (1.0.0)
    package14582 (1.0.0)
    package14583 (1.0.0)
    package14584 (1.0.0)
    package14585 (1.0.0)
    package14586 (1.0.0)
    package14587 (1.0.0)
    package14588 (1.0.0)
    package14589 (1.0.0)
    package14590 (1.0.0)
    package14591 (1.0.0)
    package14592 (1.0.0)
    package14593 (1.0.0)
    package14594 (1.0.0)
    package14595 (1.0.0)
    package14596 (1.0.0)
    package14597 (1.0.0)
    package14598 (1.0.0)
    package14599 (1.0.0)
    package14600 (1.0.0)
    package14601 (1.0.0)
    package14602 (1.0.0)
    package14603 (1.0.0)
    package14604 (1.0.0)
    package14605 (1.0.0)
    package14606 (1.0.0)
    package14607 (1.0.0)
    package14608 (1.0.0)
    package14609 (1.0.0)
    package14610 (1.0.0)
    package14611 (1.0.0)
    package14612 (1.0.0)
    package14613 (1.0.0)
    package14614 (1.0.0)
    package14615 (1.0.0)
    package14616 (1.0.0)
    package14617 (1.0.0)
    package14618 (1.0.0)
    package14619 (1.0.0)
    package14620 (1.0.0)
    package14621 (1.0.0)
    package14622 (1.0.0)
    package14623 (1.0.0)
    package14624 (1.0.0)
    package14625 (1.0.0)
    package14626 (1.0.0)
    package14627 (1.0.0)
    package14628 (1.0.0)
    package14629 (1.0.0)
    package14630 (1.0.0)
    package14631 (1.0.0)
    package14632 (1.0.0)
    package14633 (1.0.0)
    package14634 (1.0.0)
    package14635 (1.0.0)
    package14636 (1.0.0)
    package14637 (1.0.0)
    package14638 (1.0.0)
    package14639 (1.0.0)
    package14640 (1.0.0)
    package14641 (1.0.0)
    package14642 (1.0.0)
    package14643 (1.0.0)
    package14644 (1.0.0)
    package14645 (1.0.0)
    package14646 (1.0.0)
    package14647 (1.0.0)
    package14648 (1.0.0)
    package14649 (1.0.0)
    package14650 (1.0.0)
    package14651 (1.0.0)
    package14652 (1.0.0)
    package14653 (1.0.0)
    package14654 (1.0.0)
    package14655 (1.0.0)
    package14656 (1.0.0)
    package14657 (1.0.0)
    package14658 (1.0.0)
    package14659 (1.0.0)
    package14660 (1.0.0)
    package14661 (1.0.0)
    package14662 (1.0.0)
    package14663 (1.0.0)
    package14664 (1.0.0)
    package14665 (1.0.0)
    package14666 (1.0.0)
    package14667 (1.0.0)
    package14668 (1.0.0)
    package14669 (1.0.0)
    package14670 (1.0.0)
    package14671 (1.0.0)
    package14672 (1.0.0)
    package14673 (1.0.0)
    package14674 (1.0.0)
    package14675 (1.0.0)
    package14676 (1.0.0)
    package14677 (1.0.0)
    package14678 (1.0.0)
    package14679 (1.0.0)
    package14680 (1.0.0)
    package14681 (1.0.0)
    package14682 (1.0.0)
    package14683 (1.0.0)
    package14684 (1.0.0)
    package14685 (1.0.0)
    package14686 (1.0.0)
    package14687 (1.0.0)
    package14688 (1.0.0)
    package14689 (1.0.0)
    package14690 (1.0.0)
    package14691 (1.0.0)
    package14692 (1.0.0)
    package14693 (1.0.0)
    package14694 (1.0.0)
    package14695 (1.0.0)
    package14696 (1.0.0)
    package14697 (1.0.0)
    package14698 (1.0.0)
    package14699 (1.0.0)
    package14700 (1.0.0)
    package14701 (1.0.0)
    package14702 (1.0.0)
    package14703 (1.0.0)
    package14704 (1.0.0)
    package14705 (1.0.0)
    package14706 (1.0.0)
    package14707 (1.0.0)
    package14708 (1.0.0)
    package14709 (1.0.0)
    package14710 (1.0.0)
    package14711 (1.0.0)
    package14712 (1.0.0)
    package14713 (1.0.0)
    package14714 (1.0.0)
    package14715 (1.0.0)
    package14716 (1.0.0)
    package14717 (1.0.0)
    package14718 (1.0.0)
    package14719 (1.0.0)
    package14720 (1.0.0)
    package14721 (1.0.0)
    package14722 (1.0.0)
    package14723 (1.0.0)
    package14724 (1.0.0)
    package14725 (1.0.0)
    package14726 (1.0.0)
    package14727 (1.0.0)
    package14728 (1.0.0)
    package14729 (1.0.0)
    package14730 (1.0.0)
    package14731 (1.0.0)
    package14732 (1.0.0)
    package14733 (1.0.0)
    package14734 (1.0.0)
    package14735 (1.0.0)
    package14736 (1.0.0)
    package14737 (1.0.0)
    package14738 (1.0.0)
    package14739 (1.0.0)
    package14740 (1.0.0)
    package14741 (1.0.0)
    package14742 (1.0.0)
    package14743 (1.0.0)
    package14744 (1.0.0)
    package14745 (1.0.0)
    package14746 (1.0.0)
    package14747 (1.0.0)
    package14748 (1.0.0)
    package14749 (1.0.0)
    package14750 (1.0.0)
    package14751 (1.0.0)
    package14752 (1.0.0)
    package14753 (1.0.0)
    package14754 (1.0.0)
    package14755 (1.0.0)
    package14756 (1.0.0)
    package14757 (1.0.0)
    package14758 (1.0.0)
    package14759 (1.0.0)
    package14760 (1.0.0)
    package14761 (1.0.0)
    package14762 (1.0.0)
    package14763 (1.0.0)
    package14764 (1.0.0)
    package14765 (1.0.0)
    package14766 (1.0.0)
    package14767 (1.0.0)
    package14768 (1.0.0)
    package14769 (1.0.0)
    package14770 (1.0.0)
    package14771 (1.0.0)
    package14772 (1.0.0)
    package14773 (1.0.0)
    package14774 (1.0.0)
    package14775 (1.0.0)
    package14776 (1.0.0)
    package14777 (1.0.0)
    package14778 (1.0.0)
    package14779 (1.0.0)
    package14780 (1.0.0)
    package14781 (1.0.0)
    package14782 (1.0.0)
    package14783 (1.0.0)
    package14784 (1.0.0)
    package14785 (1.0.0)
    package14786 (1.0.0)
    package14787 (1.0.0)
    package14788 (1.0.0)
    package14789 (1.0.0)
    package14790 (1.0.0)
    package14791 (1.0.0)
    package14792 (1.0.0)
    package14793 (1.0.0)
    package14794 (1.0.0)
    package14795 (1.0.0)
    package14796 (1.0.0)
    package14797 (1.0.0)
    package14798 (1.0.0)
    package14799 (1.0.0)
    package14800 (1.0.0)
    package14801 (1.0.0)
    package14802 (1.0.0)
    package14803 (1.0.0)
    package14804 (1.0.0)
    package14805 (1.0.0)
    package14806 (1.0.0)
    package14807 (1.0.0)
    package14808 (1.0.0)
    package14809 (1.0.0)
    package14810 (1.0.0)
    package14811 (1.0.0)
    package14812 (1.0.0)
    package14813 (1.0.0)
    package14814 (1.0.0)
    package14815 (1.0.0)
    package14816 (1.0.0)
    package14817 (1.0.0)
    package14818 (1.0.0)
    package14819 (1.0.0)
    package14820 (1.0.0)
    package14821 (1.0.0)
    package14822 (1.0.0)
    package14823 (1.0.0)
    package14824 (1.0.0)
    package14825 (1.0.0)
    package14826 (1.0.0)
    package14827 (1.0.0)
    package14828 (1.0.0)
    package14829 (1.0.0)
    package14830 (1.0.0)
    package14831 (1.0.0)
    package14832 (1.0.0)
    package14833 (1.0.0)
    package14834 (1.0.0)
    package14835 (1.0.0)
    package14836 (1.0.0)
    package14837 (1.0.0)
    package14838 (1.0.0)
    package14839 (1.0.0)
    package14840 (1.0.0)
    package14841 (1.0.0)
    package14842 (1.0.0)
    package14843 (1.0.0)
    package14844 (1.0.0)
    package14845 (1.0.0)
    package14846 (1.0.0)
    package14847 (1.0.0)
    package14848 (1.0.0)
    package14849 (1.0.0)
    package14850 (1.0.0)
    package14851 (1.0.0)
    package14852 (1.0.0)
    package14853 (1.0.0)
    package14854 (1.0.0)
    package14855 (1.0.0)
    package14856 (1.0.0)
    package14857 (1.0.0)
    package14858 (1.0.0)
    package14859 (1.0.0)
    package14860 (1.0.0)
    package14861 (1.0.0)
    package14862 (1.0.0)
    package14863 (1.0.0)
    package14864 (1.0.0)
    package14865 (1.0.0)
    package14866 (1.0.0)
    package14867 (1.0.0)
    package14868 (1.0.0)
    package14869 (1.0.0)
    package14870 (1.0.0)
    package14871 (1.0.0)
    package14872 (1.0.0)
    package14873 (1.0.0)
    package14874 (1.0.0)
    package14875 (1.0.0)
    package14876 (1.0.0)
    package14877 (1.0.0)
    package14878 (1.0.0)
    package14879 (1.0.0)
    package14880 (1.0.0)
    package14881 (1.0.0)
    package14882 (1.0.0)
    package14883 (1.0.0)
    package14884 (1.0.0)
    package14885 (1.0.0)
    package14886 (1.0.0)
    package14887 (1.0.0)
    package14888 (1.0.0)
    package14889 (1.0.0)
    package14890 (1.0.0)
    package14891 (1.0.0)
    package14892 (1.0.0)
    package14893 (1.0.0)
    package14894 (1.0.0)
    package14895 (1.0.0)
    package14896 (1.0.0)
    package14897 (1.0.0)
    package14898 (1.0.0)
    package14899 (1.0.0)
    package14900 (1.0.0)
    package14901 (1.0.0)
    package14902 (1.0.0)
    package14903 (1.0.0)
    package14904 (1.0.0)
    package14905 (1.0.0)
    package14906 (1.0.0)
    package14907 (1.0.0)
    package14908 (1.0.0)
    package14909 (1.0.0)
    package14910 (1.0.0)
    package14911 (1.0.0)
    package14912 (1.0.0)
    package14913 (1.0.0)
    package14914 (1.0.0)
    package14915 (1.0.0)
    package14916 (1.0.0)
    package14917 (1.0.0)
    package14918 (1.0.0)
    package14919 (1.0.0)
    package14920 (1.0.0)
    package14921 (1.0.0)
    package14922 (1.0.0)
    package14923 (1.0.0)
    package14924 (1.0.0)
    package14925 (1.0.0)
    package14926 (1.0.0)
    package14927 (1.0.0)
    package14928 (1.0.0)
    package14929 (1.0.0)
    package14930 (1.0.0)
    package14931 (1.0.0)
    package14932 (1.0.0)
    package14933 (1.0.0)
    package14934 (1.0.0)
    package14935 (1.0.0)
    package14936 (1.0.0)
    package14937 (1.0.0)
    package14938 (1.0.0)
    package14939 (1.0.0)
    package14940 (1.0.0)
    package14941 (1.0.0)
    package14942 (1.0.0)
    package14943 (1.0.0)
    package14944 (1.0.0)
    package14945 (1.0.0)
    package14946 (1.0.0)
    package14947 (1.0.0)
    package14948 (1.0.0)
    package14949 (1.0.0)
    package14950 (1.0.0)
    package14951 (1.0.0)
    package14952 (1.0.0)
    package14953 (1.0.0)
    package14954 (1.0.0)
    package14955 (1.0.0)
    package14956 (1.0.0)
    package14957 (1.0.0)
    package14958 (1.0.0)
    package14959 (1.0.0)
    package14960 (1.0.0)
    package14961 (1.0.0)
    package14962 (1.0.0)
    package14963 (1.0.0)
    package14964 (1.0.0)
    package14965 (1.0.0)
    package14966 (1.0.0)
    package14967 (1.0.0)
    package14968 (1.0.0)
    package14969 (1.0.0)
    package14970 (1.0.0)
    package14971 (1.0.0)
    package14972 (1.0.0)
    package14973 (1.0.0)
    package14974 (1.0.0)
    package14975 (1.0.0)
    package14976 (1.0.0)
    package14977 (1.0.0)
    package14978 (1.0.0)
    package14979 (1.0.0)
    package14980 (1.0.0)
    package14981 (1.0.0)
    package14982 (1.0.0)
    package14983 (1.0.0)
    package14984 (1.0.0)
    package14985 (1.0.0)
    package14986 (1.0.0)
    package14987 (1.0.0)
    package14988 (1.0.0)
    package14989 (1.0.0)
    package14990 (1.0.0)
    package14991 (1.0.0)
    package14992 (1.0.0)
    package14993 (1.0.0)
    package14994 (1.0.0)
    package14995 (1.0.0)
    package14996 (1.0.0)
    package14997 (1.0.0)
    package14998 (1.0.0)
    package14999 (1.0.0)
    package15000 (1.0.0)
    package15001 (1.0.0)
    package15002 (1.0.0)
    package15003 (1.0.0)
    package15004 (1.0.0)
    package15005 (1.0.0)
    package15006 (1.0.0)
    package15007 (1.0.0)
    package15008 (1.0.0)
    package15009 (1.0.0)
    package15010 (1.0.0)
    package15011 (1.0.0)
    package15012 (1.0.0)
    package15013 (1.0.0)
    package15014 (1.0.0)
    package15015 (1.0.0)
    package15016 (1.0.0)
    package15017 (1.0.0)
    package15018 (1.0.0)
    package15019 (1.0.0)
    package15020 (1.0.0)
    package15021 (1.0.0)
    package15022 (1.0.0)
    package15023 (1.0.0)
    package15024 (1.0.0)
    package15025 (1.0.0)
    package15026 (1.0.0)
    package15027 (1.0.0)
    package15028 (1.0.0)
    package15029 (1.0.0)
    package15030 (1.0.0)
    package15031 (1.0.0)
    package15032 (1.0.0)
    package15033 (1.0.0)
    package15034 (1.0.0)
    package15035 (1.0.0)
    package15036 (1.0.0)
    package15037 (1.0.0)
    package15038 (1.0.0)
    package15039 (1.0.0)
    package15040 (1.0.0)
    package15041 (1.0.0)
    package15042 (1.0.0)
    package15043 (1.0.0)
    package15044 (1.0.0)
    package15045 (1.0.0)
    package15046 (1.0.0)
    package15047 (1.0.0)
    package15048 (1.0.0)
    package15049 (1.0.0)
    package15050 (1.0.0)
    package15051 (1.0.0)
    package15052 (1.0.0)
    package15053 (1.0.0)
    package15054 (1.0.0)
    package15055 (1.0.0)
    package15056 (1.0.0)
    package15057 (1.0.0)
    package15058 (1.0.0)
    package15059 (1.0.0)
    package15060 (1.0.0)
    package15061 (1.0.0)
    package15062 (1.0.0)
    package15063 (1.0.0)
    package15064 (1.0.0)
    package15065 (1.0.0)
    package15066 (1.0.0)
    package15067 (1.0.0)
    package15068 (1.0.0)
    package15069 (1.0.0)
    package15070 (1.0.0)
    package15071 (1.0.0)
    package15072 (1.0.0)
    package15073 (1.0.0)
    package15074 (1.0.0)
    package15075 (1.0.0)
    package15076 (1.0.0)
    package15077 (1.0.0)
    package15078 (1.0.0)
    package15079 (1.0.0)
    package15080 (1.0.0)
    package15081 (1.0.0)
    package15082 (1.0.0)
    package15083 (1.0.0)
    package15084 (1.0.0)
    package15085 (1.0.0)
    package15086 (1.0.0)
    package15087 (1.0.0)
    package15088 (1.0.0)
    package15089 (1.0.0)
    package15090 (1.0.0)
    package15091 (1.0.0)
    package15092 (1.0.0)
    package15093 (1.0.0)
    package15094 (1.0.0)
    package15095 (1.0.0)
    package15096 (1.0.0)
    package15097 (1.0.0)
    package15098 (1.0.0)
    package15099 (1.0.0)
    package15100 (1.0.0)
    package15101 (1.0.0)
    package15102 (1.0.0)
    package15103 (1.0.0)
    package15104 (1.0.0)
    package15105 (1.0.0)
    package15106 (1.0.0)
    package15107 (1.0.0)
    package15108 (1.0.0)
    package15109 (1.0.0)
    package15110 (1.0.0)
    package15111 (1.0.0)
    package15112 (1.0.0)
    package15113 (1.0.0)
    package15114 (1.0.0)
    package15115 (1.0.0)
    package15116 (1.0.0)
    package15117 (1.0.0)
    package15118 (1.0.0)
    package15119 (1.0.0)
    package15120 (1.0.0)
    package15121 (1.0.0)
    package15122 (1.0.0)
    package15123 (1.0.0)
    package15124 (1.0.0)
    package15125 (1.0.0)
    package15126 (1.0.0)
    package15127 (1.0.0)
    package15128 (1.0.0)
    package15129 (1.0.0)
    package15130 (1.0.0)
    package15131 (1.0.0)
    package15132 (1.0.0)
    package15133 (1.0.0)
    package15134 (1.0.0)
    package15135 (1.0.0)
    package15136 (1.0.0)
    package15137 (1.0.0)
    package15138 (1.0.0)
    package15139 (1.0.0)
    package15140 (1.0.0)
    package15141 (1.0.0)
    package15142 (1.0.0)
    package15143 (1.0.0)
    package15144 (1.0.0)
    package15145 (1.0.0)
    package15146 (1.0.0)
    package15147 (1.0.0)
    package15148 (1.0.0)
    package15149 (1.0.0)
    package15150 (1.0.0)
    package15151 (1.0.0)
    package15152 (1.0.0)
    package15153 (1.0.0)
    package15154 (1.0.0)
    package15155 (1.0.0)
    package15156 (1.0.0)
    package15157 (1.0.0)
    package15158 (1.0.0)
    package15159 (1.0.0)
    package15160 (1.0.0)
    package15161 (1.0.0)
    package15162 (1.0.0)
    package15163 (1.0.0)
    package15164 (1.0.0)
    package15165 (1.0.0)
    package15166 (1.0.0)
    package15167 (1.0.0)
    package15168 (1.0.0)
    package15169 (1.0.0)
    package15170 (1.0.0)
    package15171 (1.0.0)
    package15172 (1.0.0)
    package15173 (1.0.0)
    package15174 (1.0.0)
    package15175 (1.0.0)
    package15176 (1.0.0)
    package15177 (1.0.0)
    package15178 (1.0.0)
    package15179 (1.0.0)
    package15180 (1.0.0)
    package15181 (1.0.0)
    package15182 (1.0.0)
    package15183 (1.0.0)
    package15184 (1.0.0)
    package15185 (1.0.0)
    package15186 (1.0.0)
    package15187 (1.0.0)
    package15188 (1.0.0)
    package15189 (1.0.0)
    package15190 (1.0.0)
    package15191 (1.0.0)
    package15192 (1.0.0)
    package15193 (1.0.0)
    package15194 (1.0.0)
    package15195 (1.0.0)
    package15196 (1.0.0)
    package15197 (1.0.0)
    package15198 (1.0.0)
    package15199 (1.0.0)
    package15200 (1.0.0)
    package15201 (1.0.0)
    package15202 (1.0.0)
    package15203 (1.0.0)
    package15204 (1.0.0)
    package15205 (1.0.0)
    package15206 (1.0.0)
    package15207 (1.0.0)
    package15208 (1.0.0)
    package15209 (1.0.0)
    package15210 (1.0.0)
    package15211 (1.0.0)
    package15212 (1.0.0)
    package15213 (1.0.0)
    package15214 (1.0.0)
    package15215 (1.0.0)
    package15216 (1.0.0)
    package15217 (1.0.0)
    package15218 (1.0.0)
    package15219 (1.0.0)
    package15220 (1.0.0)
    package15221 (1.0.0)
    package15222 (1.0.0)
    package15223 (1.0.0)
    package15224 (1.0.0)
    package15225 (1.0.0)
    package15226 (1.0.0)
    package15227 (1.0.0)
    package15228 (1.0.0)
    package15229 (1.0.0)
    package15230 (1.0.0)
    package15231 (1.0.0)
    package15232 (1.0.0)
    package15233 (1.0.0)
    package15234 (1.0.0)
    package15235 (1.0.0)
    package15236 (1.0.0)
    package15237 (1.0.0)
    package15238 (1.0.0)
    package15239 (1.0.0)
    package15240 (1.0.0)
    package15241 (1.0.0)
    package15242 (1.0.0)
    package15243 (1.0.0)
    package15244 (1.0.0)
    package15245 (1.0.0)
    package15246 (1.0.0)
    package15247 (1.0.0)
    package15248 (1.0.0)
    package15249 (1.0.0)
    package15250 (1.0.0)
    package15251 (1.0.0)
    package15252 (1.0.0)
    package15253 (1.0.0)
    package15254 (1.0.0)
    package15255 (1.0.0)
    package15256 (1.0.0)
    package15257 (1.0.0)
    package15258 (1.0.0)
    package15259 (1.0.0)
    package15260 (1.0.0)
    package15261 (1.0.0)
    package15262 (1.0.0)
    package15263 (1.0.0)
    package15264 (1.0.0)
    package15265 (1.0.0)
    package15266 (1.0.0)
    package15267 (1.0.0)
    package15268 (1.0.0)
    package15269 (1.0.0)
    package15270 (1.0.0)
    package15271 (1.0.0)
    package15272 (1.0.0)
    package15273 (1.0.0)
    package15274 (1.0.0)
    package15275 (1.0.0)
    package15276 (1.0.0)
    package15277 (1.0.0)
    package15278 (1.0.0)
    package15279 (1.0.0)
    package15280 (1.0.0)
    package15281 (1.0.0)
    package15282 (1.0.0)
    package15283 (1.0.0)
    package15284 (1.0.0)
    package15285 (1.0.0)
    package15286 (1.0.0)
    package15287 (1.0.0)
    package15288 (1.0.0)
    package15289 (1.0.0)
    package15290 (1.0.0)
    package15291 (1.0.0)
    package15292 (1.0.0)
    package15293 (1.0.0)
    package15294 (1.0.0)
    package15295 (1.0.0)
    package15296 (1.0.0)
    package15297 (1.0.0)
    package15298 (1.0.0)
    package15299 (1.0.0)
    package15300 (1.0.0)
    package15301 (1.0.0)
    package15302 (1.0.0)
    package15303 (1.0.0)
    package15304 (1.0.0)
    package15305 (1.0.0)
    package15306 (1.0.0)
    package15307 (1.0.0)
    package15308 (1.0.0)
    package15309 (1.0.0)
    package15310 (1.0.0)
    package15311 (1.0.0)
    package15312 (1.0.0)
    package15313 (1.0.0)
    package15314 (1.0.0)
    package15315 (1.0.0)
    package15316 (1.0.0)
    package15317 (1.0.0)
    package15318 (1.0.0)
    package15319 (1.0.0)
    package15320 (1.0.0)
    package15321 (1.0.0)
    package15322 (1.0.0)
    package15323 (1.0.0)
    package15324 (1.0.0)
    package15325 (1.0.0)
    package15326 (1.0.0)
    package15327 (1.0.0)
    package15328 (1.0.0)
    package15329 (1.0.0)
    package15330 (1.0.0)
    package15331 (1.0.0)
    package15332 (1.0.0)
    package15333 (1.0.0)
    package15334 (1.0.0)
    package15335 (1.0.0)
    package15336 (1.0.0)
    package15337 (1.0.0)
    package15338 (1.0.0)
    package15339 (1.0.0)
    package15340 (1.0.0)
    package15341 (1.0.0)
    package15342 (1.0.0)
    package15343 (1.0.0)
    package15344 (1.0.0)
    package15345 (1.0.0)
    package15346 (1.0.0)
    package15347 (1.0.0)
    package15348 (1.0.0)
    package15349 (1.0.0)
    package15350 (1.0.0)
    package15351 (1.0.0)
    package15352 (1.0.0)
    package15353 (1.0.0)
    package15354 (1.0.0)
    package15355 (1.0.0)
    package15356 (1.0.0)
    package15357 (1.0.0)
    package15358 (1.0.0)
    package15359 (1.0.0)
    package15360 (1.0.0)
    package15361 (1.0.0)
    package15362 (1.0.0)
    package15363 (1.0.0)
    package15364 (1.0.0)
    package15365 (1.0.0)
    package15366 (1.0.0)
    package15367 (1.0.0)
    package15368 (1.0.0)
    package15369 (1.0.0)
    package15370 (1.0.0)
    package15371 (1.0.0)
    package15372 (1.0.0)
    package15373 (1.0.0)
    package15374 (1.0.0)
    package15375 (1.0.0)
    package15376 (1.0.0)
    package15377 (1.0.0)
    package15378 (1.0.0)
    package15379 (1.0.0)
    package15380 (1.0.0)
    package15381 (1.0.0)
    package15382 (1.0.0)
    package15383 (1.0.0)
    package15384 (1.0.0)
    package15385 (1.0.0)
    package15386 (1.0.0)
    package15387 (1.0.0)
    package15388 (1.0.0)
    package15389 (1.0.0)
    package15390 (1.0.0)
    package15391 (1.0.0)
    package15392 (1.0.0)
    package15393 (1.0.0)
    package15394 (1.0.0)
    package15395 (1.0.0)
    package15396 (1.0.0)
    package15397 (1.0.0)
    package15398 (1.0.0)
    package15399 (1.0.0)
    package15400 (1.0.0)
    package15401 (1.0.0)
    package15402 (1.0.0)
    package15403 (1.0.0)
    package15404 (1.0.0)
    package15405 (1.0.0)
    package15406 (1.0.0)
    package15407 (1.0.0)
    package15408 (1.0.0)
    package15409 (1.0.0)
    package15410 (1.0.0)
    package15411 (1.0.0)
    package15412 (1.0.0)
    package15413 (1.0.0)
    package15414 (1.0.0)
    package15415 (1.0.0)
    package15416 (1.0.0)
    package15417 (1.0.0)
    package15418 (1.0.0)
    package15419 (1.0.0)
    package15420 (1.0.0)
    package15421 (1.0.0)
    package15422 (1.0.0)
    package15423 (1.0.0)
    package15424 (1.0.0)
    package15425 (1.0.0)
    package15426 (1.0.0)
    package15427 (1.0.0)
    package15428 (1.0.0)
    package15429 (1.0.0)
    package15430 (1.0.0)
    package15431 (1.0.0)
    package15432 (1.0.0)
    package15433 (1.0.0)
    package15434 (1.0.0)
    package15435 (1.0.0)
    package15436 (1.0.0)
    package15437 (1.0.0)
    package15438 (1.0.0)
    package15439 (1.0.0)
    package15440 (1.0.0)
    package15441 (1.0.0)
    package15442 (1.0.0)
    package15443 (1.0.0)
    package15444 (1.0.0)
    package15445 (1.0.0)
    package15446 (1.0.0)
    package15447 (1.0.0)
    package15448 (1.0.0)
    package15449 (1.0.0)
    package15450 (1.0.0)
    package15451 (1.0.0)
    package15452 (1.0.0)
    package15453 (1.0.0)
    package15454 (1.0.0)
    package15455 (1.0.0)
    package15456 (1.0.0)
    package15457 (1.0.0)
    package15458 (1.0.0)
    package15459 (1.0.0)
    package15460 (1.0.0)
    package15461 (1.0.0)
    package15462 (1.0.0)
    package15463 (1.0.0)
    package15464 (1.0.0)
    package15465 (1.0.0)
    package15466 (1.0.0)
    package15467 (1.0.0)
    package15468 (1.0.0)
    package15469 (1.0.0)
    package15470 (1.0.0)
    package15471 (1.0.0)
    package15472 (1.0.0)
    package15473 (1.0.0)
    package15474 (1.0.0)
    package15475 (1.0.0)
    package15476 (1.0.0)
    package15477 (1.0.0)
    package15478 (1.0.0)
    package15479 (1.0.0)
    package15480 (1.0.0)
    package15481 (1.0.0)
    package15482 (1.0.0)
    package15483 (1.0.0)
    package15484 (1.0.0)
    package15485 (1.0.0)
    package15486 (1.0.0)
    package15487 (1.0.0)
    package15488 (1.0.0)
    package15489 (1.0.0)
    package15490 (1.0.0)
    package15491 (1.0.0)
    package15492 (1.0.0)
    package15493 (1.0.0)
    package15494 (1.0.0)
    package15495 (1.0.0)
    package15496 (1.0.0)
    package15497 (1.0.0)
    package15498 (1.0.0)
    package15499 (1.0.0)
    package15500 (1.0.0)
    package15501 (1.0.0)
    package15502 (1.0.0)
    package15503 (1.0.0)
    package15504 (1.0.0)
    package15505 (1.0.0)
    package15506 (1.0.0)
    package15507 (1.0.0)
    package15508 (1.0.0)
    package15509 (1.0.0)
    package15510 (1.0.0)
    package15511 (1.0.0)
    package15512 (1.0.0)
    package15513 (1.0.0)
    package15514 (1.0.0)
    package15515 (1.0.0)
    package15516 (1.0.0)
    package15517 (1.0.0)
    package15518 (1.0.0)
    package15519 (1.0.0)
    package15520 (1.0.0)
    package15521 (1.0.0)
    package15522 (1.0.0)
    package15523 (1.0.0)
    package15524 (1.0.0)
    package15525 (1.0.0)
    package15526 (1.0.0)
    package15527 (1.0.0)
    package15528 (1.0.0)
    package15529 (1.0.0)
    package15530 (1.0.0)
    package15531 (1.0.0)
    package15532 (1.0.0)
    package15533 (1.0.0)
    package15534 (1.0.0)
    package15535 (1.0.0)
    package15536 (1.0.0)
    package15537 (1.0.0)
    package15538 (1.0.0)
    package15539 (1.0.0)
    package15540 (1.0.0)
    package15541 (1.0.0)
    package15542 (1.0.0)
    package15543 (1.0.0)
    package15544 (1.0.0)
    package15545 (1.0.0)
    package15546 (1.0.0)
    package15547 (1.0.0)
    package15548 (1.0.0)
    package15549 (1.0.0)
    package15550 (1.0.0)
    package15551 (1.0.0)
    package15552 (1.0.0)
    package15553 (1.0.0)
    package15554 (1.0.0)
    package15555 (1.0.0)
    package15556 (1.0.0)
    package15557 (1.0.0)
    package15558 (1.0.0)
    package15559 (1.0.0)
    package15560 (1.0.0)
    package15561 (1.0.0)
    package15562 (1.0.0)
    package15563 (1.0.0)
    package15564 (1.0.0)
    package15565 (1.0.0)
    package15566 (1.0.0)
    package15567 (1.0.0)
    package15568 (1.0.0)
    package15569 (1.0.0)
    package15570 (1.0.0)
    package15571 (1.0.0)
    package15572 (1.0.0)
    package15573 (1.0.0)
    package15574 (1.0.0)
    package15575 (1.0.0)
    package15576 (1.0.0)
    package15577 (1.0.0)
    package15578 (1.0.0)
    package15579 (1.0.0)
    package15580 (1.0.0)
    package15581 (1.0.0)
    package15582 (1.0.0)
    package15583 (1.0.0)
    package15584 (1.0.0)
    package15585 (1.0.0)
    package15586 (1.0.0)
    package15587 (1.0.0)
    package15588 (1.0.0)
    package15589 (1.0.0)
    package15590 (1.0.0)
    package15591 (1.0.0)
    package15592 (1.0.0)
    package15593 (1.0.0)
    package15594 (1.0.0)
    package15595 (1.0.0)
    package15596 (1.0.0)
    package15597 (1.0.0)
    package15598 (1.0.0)
    package15599 (1.0.0)
    package15600 (1.0.0)
    package15601 (1.0.0)
    package15602 (1.0.0)
    package15603 (1.0.0)
    package15604 (1.0.0)
    package15605 (1.0.0)
    package15606 (1.0.0)
    package15607 (1.0.0)
    package15608 (1.0.0)
    package15609 (1.0.0)
    package15610 (1.0.0)
    package15611 (1.0.0)
    package15612 (1.0.0)
    package15613 (1.0.0)
    package15614 (1.0.0)
    package15615 (1.0.0)
    package15616 (1.0.0)
    package15617 (1.0.0)
    package15618 (1.0.0)
    package15619 (1.0.0)
    package15620 (1.0.0)
    package15621 (1.0.0)
    package15622 (1.0.0)
    package15623 (1.0.0)
    package15624 (1.0.0)
    package15625 (1.0.0)
    package15626 (1.0.0)
    package15627 (1.0.0)
    package15628 (1.0.0)
    package15629 (1.0.0)
    package15630 (1.0.0)
    package15631 (1.0.0)
    package15632 (1.0.0)
    package15633 (1.0.0)
    package15634 (1.0.0)
    package15635 (1.0.0)
    package15636 (1.0.0)
    package15637 (1.0.0)
    package15638 (1.0.0)
    package15639 (1.0.0)
    package15640 (1.0.0)
    package15641 (1.0.0)
    package15642 (1.0.0)
    package15643 (1.0.0)
    package15644 (1.0.0)
    package15645 (1.0.0)
    package15646 (1.0.0)
    package15647 (1.0.0)
    package15648 (1.0.0)
    package15649 (1.0.0)
    package15650 (1.0.0)
    package15651 (1.0.0)
    package15652 (1.0.0)
    package15653 (1.0.0)
    package15654 (1.0.0)
    package15655 (1.0.0)
    package15656 (1.0.0)
    package15657 (1.0.0)
    package15658 (1.0.0)
    package15659 (1.0.0)
    package15660 (1.0.0)
    package15661 (1.0.0)
    package15662 (1.0.0)
    package15663 (1.0.0)
    package15664 (1.0.0)
    package15665 (1.0.0)
    package15666 (1.0.0)
    package15667 (1.0.0)
    package15668 (1.0.0)
    package15669 (1.0.0)
    package15670 (1.0.0)
    package15671 (1.0.0)
    package15672 (1.0.0)
    package15673 (1.0.0)
    package15674 (1.0.0)
    package15675 (1.0.0)
    package15676 (1.0.0)
    package15677 (1.0.0)
    package15678 (1.0.0)
    package15679 (1.0.0)
    package15680 (1.0.0)
    package15681 (1.0.0)
    package15682 (1.0.0)
    package15683 (1.0.0)
    package15684 (1.0.0)
    package15685 (1.0.0)
    package15686 (1.0.0)
    package15687 (1.0.0)
    package15688 (1.0.0)
    package15689 (1.0.0)
    package15690 (1.0.0)
    package15691 (1.0.0)
    package15692 (1.0.0)
    package15693 (1.0.0)
    package15694 (1.0.0)
    package15695 (1.0.0)
    package15696 (1.0.0)
    package15697 (1.0.0)
    package15698 (1.0.0)
    package15699 (1.0.0)
    package15700 (1.0.0)
    package15701 (1.0.0)
    package15702 (1.0.0)
    package15703 (1.0.0)
    package15704 (1.0.0)
    package15705 (1.0.0)
    package15706 (1.0.0)
    package15707 (1.0.0)
    package15708 (1.0.0)
    package15709 (1.0.0)
    package15710 (1.0.0)
    package15711 (1.0.0)
    package15712 (1.0.0)
    package15713 (1.0.0)
    package15714 (1.0.0)
    package15715 (1.0.0)
    package15716 (1.0.0)
    package15717 (1.0.0)
    package15718 (1.0.0)
    package15719 (1.0.0)
    package15720 (1.0.0)
    package15721 (1.0.0)
    package15722 (1.0.0)
    package15723 (1.0.0)
    package15724 (1.0.0)
    package15725 (1.0.0)
    package15726 (1.0.0)
    package15727 (1.0.0)
    package15728 (1.0.0)
    package15729 (1.0.0)
    package15730 (1.0.0)
    package15731 (1.0.0)
    package15732 (1.0.0)
    package15733 (1.0.0)
    package15734 (1.0.0)
    package15735 (1.0.0)
    package15736 (1.0.0)
    package15737 (1.0.0)
    package15738 (1.0.0)
    package15739 (1.0.0)
    package15740 (1.0.0)
    package15741 (1.0.0)
    package15742 (1.0.0)
    package15743 (1.0.0)
    package15744 (1.0.0)
    package15745 (1.0.0)
    package15746 (1.0.0)
    package15747 (1.0.0)
    package15748 (1.0.0)
    package15749 (1.0.0)
    package15750 (1.0.0)
    package15751 (1.0.0)
    package15752 (1.0.0)
    package15753 (1.0.0)
    package15754 (1.0.0)
    package15755 (1.0.0)
    package15756 (1.0.0)
    package15757 (1.0.0)
    package15758 (1.0.0)
    package15759 (1.0.0)
    package15760 (1.0.0)
    package15761 (1.0.0)
    package15762 (1.0.0)
    package15763 (1.0.0)
    package15764 (1.0.0)
    package15765 (1.0.0)
    package15766 (1.0.0)
    package15767 (1.0.0)
    package15768 (1.0.0)
    package15769 (1.0.0)
    package15770 (1.0.0)
    package15771 (1.0.0)
    package15772 (1.0.0)
    package15773 (1.0.0)
    package15774 (1.0.0)
    package15775 (1.0.0)
    package15776 (1.0.0)
    package15777 (1.0.0)
    package15778 (1.0.0)
    package15779 (1.0.0)
    package15780 (1.0.0)
    package15781 (1.0.0)
    package15782 (1.0.0)
    package15783 (1.0.0)
    package15784 (1.0.0)
    package15785 (1.0.0)
    package15786 (1.0.0)
    package15787 (1.0.0)
    package15788 (1.0.0)
    package15789 (1.0.0)
    package15790 (1.0.0)
    package15791 (1.0.0)
    package15792 (1.0.0)
    package15793 (1.0.0)
    package15794 (1.0.0)
    package15795 (1.0.0)
    package15796 (1.0.0)
    package15797 (1.0.0)
    package15798 (1.0.0)
    package15799 (1.0.0)
    package15800 (1.0.0)
    package15801 (1.0.0)
    package15802 (1.0.0)
    package15803 (1.0.0)
    package15804 (1.0.0)
    package15805 (1.0.0)
    package15806 (1.0.0)
    package15807 (1.0.0)
    package15808 (1.0.0)
    package15809 (1.0.0)
    package15810 (1.0.0)
    package15811 (1.0.0)
    package15812 (1.0.0)
    package15813 (1.0.0)
    package15814 (1.0.0)
    package15815 (1.0.0)
    package15816 (1.0.0)
    package15817 (1.0.0)
    package15818 (1.0.0)
    package15819 (1.0.0)
    package15820 (1.0.0)
    package15821 (1.0.0)
    package15822 (1.0.0)
    package15823 (1.0.0)
    package15824 (1.0.0)
    package15825 (1.0.0)
    package15826 (1.0.0)
    package15827 (1.0.0)
    package15828 (1.0.0)
    package15829 (1.0.0)
    package15830 (1.0.0)
    package15831 (1.0.0)
    package15832 (1.0.0)
    package15833 (1.0.0)
    package15834 (1.0.0)
    package15835 (1.0.0)
    package15836 (1.0.0)
    package15837 (1.0.0)
    package15838 (1.0.0)
    package15839 (1.0.0)
    package15840 (1.0.0)
    package15841 (1.0.0)
    package15842 (1.0.0)
    package15843 (1.0.0)
    package15844 (1.0.0)
    package15845 (1.0.0)
    package15846 (1.0.0)
    package15847 (1.0.0)
    package15848 (1.0.0)
    package15849 (1.0.0)
    package15850 (1.0.0)
    package15851 (1.0.0)
    package15852 (1.0.0)
    package15853 (1.0.0)
    package15854 (1.0.0)
    package15855 (1.0.0)
    package15856 (1.0.0)
    package15857 (1.0.0)
    package15858 (1.0.0)
    package15859 (1.0.0)
    package15860 (1.0.0)
    package15861 (1.0.0)
    package15862 (1.0.0)
    package15863 (1.0.0)
    package15864 (1.0.0)
    package15865 (1.0.0)
    package15866 (1.0.0)
    package15867 (1.0.0)
    package15868 (1.0.0)
    package15869 (1.0.0)
    package15870 (1.0.0)
    package15871 (1.0.0)
    package15872 (1.0.0)
    package15873 (1.0.0)
    package15874 (1.0.0)
    package15875 (1.0.0)
    package15876 (1.0.0)
    package15877 (1.0.0)
    package15878 (1.0.0)
    package15879 (1.0.0)
    package15880 (1.0.0)
    package15881 (1.0.0)
    package15882 (1.0.0)
    package15883 (1.0.0)
    package15884 (1.0.0)
    package15885 (1.0.0)
    package15886 (1.0.0)
    package15887 (1.0.0)
    package15888 (1.0.0)
    package15889 (1.0.0)
    package15890 (1.0.0)
    package15891 (1.0.0)
    package15892 (1.0.0)
    package15893 (1.0.0)
    package15894 (1.0.0)
    package15895 (1.0.0)
    package15896 (1.0.0)
    package15897 (1.0.0)
    package15898 (1.0.0)
    package15899 (1.0.0)
    package15900 (1.0.0)
    package15901 (1.0.0)
    package15902 (1.0.0)
    package15903 (1.0.0)
    package15904 (1.0.0)
    package15905 (1.0.0)
    package15906 (1.0.0)
    package15907 (1.0.0)
    package15908 (1.0.0)
    package15909 (1.0.0)
    package15910 (1.0.0)
    package15911 (1.0.0)
    package15912 (1.0.0)
    package15913 (1.0.0)
    package15914 (1.0.0)
    package15915 (1.0.0)
    package15916 (1.0.0)
    package15917 (1.0.0)
    package15918 (1.0.0)
    package15919 (1.0.0)
    package15920 (1.0.0)
    package15921 (1.0.0)
    package15922 (1.0.0)
    package15923 (1.0.0)
    package15924 (1.0.0)
    package15925 (1.0.0)
    package15926 (1.0.0)
    package15927 (1.0.0)
    package15928 (1.0.0)
    package15929 (1.0.0)
    package15930 (1.0.0)
    package15931 (1.0.0)
    package15932 (1.0.0)
    package15933 (1.0.0)
    package15934 (1.0.0)
    package15935 (1.0.0)
    package15936 (1.0.0)
    package15937 (1.0.0)
    package15938 (1.0.0)
    package15939 (1.0.0)
    package15940 (1.0.0)
    package15941 (1.0.0)
    package15942 (1.0.0)
    package15943 (1.0.0)
    package15944 (1.0.0)
    package15945 (1.0.0)
    package15946 (1.0.0)
    package15947 (1.0.0)
    package15948 (1.0.0)
    package15949 (1.0.0)
    package15950 (1.0.0)
    package15951 (1.0.0)
    package15952 (1.0.0)
    package15953 (1.0.0)
    package15954 (1.0.0)
    package15955 (1.0.0)
    package15956 (1.0.0)
    package15957 (1.0.0)
    package15958 (1.0.0)
    package15959 (1.0.0)
    package15960 (1.0.0)
    package15961 (1.0.0)
    package15962 (1.0.0)
    package15963 (1.0.0)
    package15964 (1.0.0)
    package15965 (1.0.0)
    package15966 (1.0.0)
    package15967 (1.0.0)
    package15968 (1.0.0)
    package15969 (1.0.0)
    package15970 (1.0.0)
    package15971 (1.0.0)
    package15972 (1.0.0)
    package15973 (1.0.0)
    package15974 (1.0.0)
    package15975 (1.0.0)
    package15976 (1.0.0)
    package15977 (1.0.0)
    package15978 (1.0.0)
    package15979 (1.0.0)
    package15980 (1.0.0)
    package15981 (1.0.0)
    package15982 (1.0.0)
    package15983 (1.0.0)
    package15984 (1.0.0)
    package15985 (1.0.0)
    package15986 (1.0.0)
    package15987 (1.0.0)
    package15988 (1.0.0)
    package15989 (1.0.0)
    package15990 (1.0.0)
    package15991 (1.0.0)
    package15992 (1.0.0)
    package15993 (1.0.0)
    package15994 (1.0.0)
    package15995 (1.0.0)
    package15996 (1.0.0)
    package15997 (1.0.0)
    package15998 (1.0.0)
    package15999 (1.0.0)
    package16000 (1.0.0)
    package16001 (1.0.0)
    package16002 (1.0.0)
    package16003 (1.0.0)
    package16004 (1.0.0)
    package16005 (1.0.0)
    package16006 (1.0.0)
    package16007 (1.0.0)
    package16008 (1.0.0)
    package16009 (1.0.0)
    package16010 (1.0.0)
    package16011 (1.0.0)
    package16012 (1.0.0)
    package16013 (1.0.0)
    package16014 (1.0.0)
    package16015 (1.0.0)
    package16016 (1.0.0)
    package16017 (1.0.0)
    package16018 (1.0.0)
    package16019 (1.0.0)
    package16020 (1.0.0)
    package16021 (1.0.0)
    package16022 (1.0.0)
    package16023 (1.0.0)
    package16024 (1.0.0)
    package16025 (1.0.0)
    package16026 (1.0.0)
    package16027 (1.0.0)
    package16028 (1.0.0)
    package16029 (1.0.0)
    package16030 (1.0.0)
    package16031 (1.0.0)
    package16032 (1.0.0)
    package16033 (1.0.0)
    package16034 (1.0.0)
    package16035 (1.0.0)
    package16036 (1.0.0)
    package16037 (1.0.0)
    package16038 (1.0.0)
    package16039 (1.0.0)
    package16040 (1.0.0)
    package16041 (1.0.0)
    package16042 (1.0.0)
    package16043 (1.0.0)
    package16044 (1.0.0)
    package16045 (1.0.0)
    package16046 (1.0.0)
    package16047 (1.0.0)
    package16048 (1.0.0)
    package16049 (1.0.0)
    package16050 (1.0.0)
    package16051 (1.0.0)
    package16052 (1.0.0)
    package16053 (1.0.0)
    package16054 (1.0.0)
    package16055 (1.0.0)
    package16056 (1.0.0)
    package16057 (1.0.0)
    package16058 (1.0.0)
    package16059 (1.0.0)
    package16060 (1.0.0)
    package16061 (1.0.0)
    package16062 (1.0.0)
    package16063 (1.0.0)
    package16064 (1.0.0)
    package16065 (1.0.0)
    package16066 (1.0.0)
    package16067 (1.0.0)
    package16068 (1.0.0)
    package16069 (1.0.0)
    package16070 (1.0.0)
    package16071 (1.0.0)
    package16072 (1.0.0)
    package16073 (1.0.0)
    package16074 (1.0.0)
    package16075 (1.0.0)
    package16076 (1.0.0)
    package16077 (1.0.0)
    package16078 (1.0.0)
    package16079 (1.0.0)
    package16080 (1.0.0)
    package16081 (1.0.0)
    package16082 (1.0.0)
    package16083 (1.0.0)
    package16084 (1.0.0)
    package16085 (1.0.0)
    package16086 (1.0.0)
    package16087 (1.0.0)
    package16088 (1.0.0)
    package16089 (1.0.0)
    package16090 (1.0.0)
    package16091 (1.0.0)
    package16092 (1.0.0)
    package16093 (1.0.0)
    package16094 (1.0.0)
    package16095 (1.0.0)
    package16096 (1.0.0)
    package16097 (1.0.0)
    package16098 (1.0.0)
    package16099 (1.0.0)
    package16100 (1.0.0)
    package16101 (1.0.0)
    package16102 (1.0.0)
    package16103 (1.0.0)
    package16104 (1.0.0)
    package16105 (1.0.0)
    package16106 (1.0.0)
    package16107 (1.0.0)
    package16108 (1.0.0)
    package16109 (1.0.0)
    package16110 (1.0.0)
    package16111 (1.0.0)
    package16112 (1.0.0)
    package16113 (1.0.0)
    package16114 (1.0.0)
    package16115 (1.0.0)
    package16116 (1.0.0)
    package16117 (1.0.0)
    package16118 (1.0.0)
    package16119 (1.0.0)
    package16120 (1.0.0)
    package16121 (1.0.0)
    package16122 (1.0.0)
    package16123 (1.0.0)
    package16124 (1.0.0)
    package16125 (1.0.0)
    package16126 (1.0.0)
    package16127 (1.0.0)
    package16128 (1.0.0)
    package16129 (1.0.0)
    package16130 (1.0.0)
    package16131 (1.0.0)
    package16132 (1.0.0)
    package16133 (1.0.0)
    package16134 (1.0.0)
    package16135 (1.0.0)
    package16136 (1.0.0)
    package16137 (1.0.0)
    package16138 (1.0.0)
    package16139 (1.0.0)
    package16140 (1.0.0)
    package16141 (1.0.0)
    package16142 (1.0.0)
    package16143 (1.0.0)
    package16144 (1.0.0)
    package16145 (1.0.0)
    package16146 (1.0.0)
    package16147 (1.0.0)
    package16148 (1.0.0)
    package16149 (1.0.0)
    package16150 (1.0.0)
    package16151 (1.0.0)
    package16152 (1.0.0)
    package16153 (1.0.0)
    package16154 (1.0.0)
    package16155 (1.0.0)
    package16156 (1.0.0)
    package16157 (1.0.0)
    package16158 (1.0.0)
    package16159 (1.0.0)
    package16160 (1.0.0)
    package16161 (1.0.0)
    package16162 (1.0.0)
    package16163 (1.0.0)
    package16164 (1.0.0)
    package16165 (1.0.0)
    package16166 (1.0.0)
    package16167 (1.0.0)
    package16168 (1.0.0)
    package16169 (1.0.0)
    package16170 (1.0.0)
    package16171 (1.0.0)
    package16172 (1.0.0)
    package16173 (1.0.0)
    package16174 (1.0.0)
    package16175 (1.0.0)
    package16176 (1.0.0)
    package16177 (1.0.0)
    package16178 (1.0.0)
    package16179 (1.0.0)
    package16180 (1.0.0)
    package16181 (1.0.0)
    package16182 (1.0.0)
    package16183 (1.0.0)
    package16184 (1.0.0)
    package16185 (1.0.0)
    package16186 (1.0.0)
    package16187 (1.0.0)
    package16188 (1.0.0)
    package16189 (1.0.0)
    package16190 (1.0.0)
    package16191 (1.0.0)
    package16192 (1.0.0)
    package16193 (1.0.0)
    package16194 (1.0.0)
    package16195 (1.0.0)
    package16196 (1.0.0)
    package16197 (1.0.0)
    package16198 (1.0.0)
    package16199 (1.0.0)
    package16200 (1.0.0)
    package16201 (1.0.0)
    package16202 (1.0.0)
    package16203 (1.0.0)
    package16204 (1.0.0)
    package16205 (1.0.0)
    package16206 (1.0.0)
    package16207 (1.0.0)
    package16208 (1.0.0)
    package16209 (1.0.0)
    package16210 (1.0.0)
    package16211 (1.0.0)
    package16212 (1.0.0)
    package16213 (1.0.0)
    package16214 (1.0.0)
    package16215 (1.0.0)
    package16216 (1.0.0)
    package16217 (1.0.0)
    package16218 (1.0.0)
    package16219 (1.0.0)
    package16220 (1.0.0)
    package16221 (1.0.0)
    package16222 (1.0.0)
    package16223 (1.0.0)
    package16224 (1.0.0)
    package16225 (1.0.0)
    package16226 (1.0.0)
    package16227 (1.0.0)
    package16228 (1.0.0)
    package16229 (1.0.0)
    package16230 (1.0.0)
    package16231 (1.0.0)
    package16232 (1.0.0)
    package16233 (1.0.0)
    package16234 (1.0.0)
    package16235 (1.0.0)
    package16236 (1.0.0)
    package16237 (1.0.0)
    package16238 (1.0.0)
    package16239 (1.0.0)
    package16240 (1.0.0)
    package16241 (1.0.0)
    package16242 (1.0.0)
    package16243 (1.0.0)
    package16244 (1.0.0)
    package16245 (1.0.0)
    package16246 (1.0.0)
    package16247 (1.0.0)
    package16248 (1.0.0)
    package16249 (1.0.0)
    package16250 (1.0.0)
    package16251 (1.0.0)
    package16252 (1.0.0)
    package16253 (1.0.0)
    package16254 (1.0.0)
    package16255 (1.0.0)
    package16256 (1.0.0)
    package16257 (1.0.0)
    package16258 (1.0.0)
    package16259 (1.0.0)
    package16260 (1.0.0)
    package16261 (1.0.0)
    package16262 (1.0.0)
    package16263 (1.0.0)
    package16264 (1.0.0)
    package16265 (1.0.0)
    package16266 (1.0.0)
    package16267 (1.0.0)
    package16268 (1.0.0)
    package16269 (1.0.0)
    package16270 (1.0.0)
    package16271 (1.0.0)
    package16272 (1.0.0)
    package16273 (1.0.0)
    package16274 (1.0.0)
    package16275 (1.0.0)
    package16276 (1.0.0)
    package16277 (1.0.0)
    package16278 (1.0.0)
    package16279 (1.0.0)
    package16280 (1.0.0)
    package16281 (1.0.0)
    package16282 (1.0.0)
    package16283 (1.0.0)
    package16284 (1.0.0)
    package16285 (1.0.0)
    package16286 (1.0.0)
    package16287 (1.0.0)
    package16288 (1.0.0)
    package16289 (1.0.0)
    package16290 (1.0.0)
    package16291 (1.0.0)
    package16292 (1.0.0)
    package16293 (1.0.0)
    package16294 (1.0.0)
    package16295 (1.0.0)
    package16296 (1.0.0)
    package16297 (1.0.0)
    package16298 (1.0.0)
    package16299 (1.0.0)
    package16300 (1.0.0)
    package16301 (1.0.0)
    package16302 (1.0.0)
    package16303 (1.0.0)
    package16304 (1.0.0)
    package16305 (1.0.0)
    package16306 (1.0.0)
    package16307 (1.0.0)
    package16308 (1.0.0)
    package16309 (1.0.0)
    package16310 (1.0.0)
    package16311 (1.0.0)
    package16312 (1.0.0)
    package16313 (1.0.0)
    package16314 (1.0.0)
    package16315 (1.0.0)
    package16316 (1.0.0)
    package16317 (1.0.0)
    package16318 (1.0.0)
    package16319 (1.0.0)
    package16320 (1.0.0)
    package16321 (1.0.0)
    package16322 (1.0.0)
    package16323 (1.0.0)
    package16324 (1.0.0)
    package16325 (1.0.0)
    package16326 (1.0.0)
    package16327 (1.0.0)
    package16328 (1.0.0)
    package16329 (1.0.0)
    package16330 (1.0.0)
    package16331 (1.0.0)
    package16332 (1.0.0)
    package16333 (1.0.0)
    package16334 (1.0.0)
    package16335 (1.0.0)
    package16336 (1.0.0)
    package16337 (1.0.0)
    package16338 (1.0.0)
    package16339 (1.0.0)
    package16340 (1.0.0)
    package16341 (1.0.0)
    package16342 (1.0.0)
    package16343 (1.0.0)
    package16344 (1.0.0)
    package16345 (1.0.0)
    package16346 (1.0.0)
    package16347 (1.0.0)
    package16348 (1.0.0)
    package16349 (1.0.0)
    package16350 (1.0.0)
    package16351 (1.0.0)
    package16352 (1.0.0)
    package16353 (1.0.0)
    package16354 (1.0.0)
    package16355 (1.0.0)
    package16356 (1.0.0)
    package16357 (1.0.0)
    package16358 (1.0.0)
    package16359 (1.0.0)
    package16360 (1.0.0)
    package16361 (1.0.0)
    package16362 (1.0.0)
    package16363 (1.0.0)
    package16364 (1.0.0)
    package16365 (1.0.0)
    package16366 (1.0.0)
    package16367 (1.0.0)
    package16368 (1.0.0)
    package16369 (1.0.0)
    package16370 (1.0.0)
    package16371 (1.0.0)
    package16372 (1.0.0)
    package16373 (1.0.0)
    package16374 (1.0.0)
    package16375 (1.0.0)
    package16376 (1.0.0)
    package16377 (1.0.0)
    package16378 (1.0.0)
    package16379 (1.0.0)
    package16380 (1.0.0)
    package16381 (1.0.0)
    package16382 (1.0.0)
    package16383 (1.0.0)
    package16384 (1.0.0)
    package16385 (1.0.0)
    package16386 (1.0.0)
    package16387 (1.0.0)
    package16388 (1.0.0)
    package16389 (1.0.0)
    package16390 (1.0.0)
    package16391 (1.0.0)
    package16392 (1.0.0)
    package16393 (1.0.0)
    package16394 (1.0.0)
    package16395 (1.0.0)
    package16396 (1.0.0)
    package16397 (1.0.0)
    package16398 (1.0.0)
    package16399 (1.0.0)
    package16400 (1.0.0)
    package16401 (1.0.0)
    package16402 (1.0.0)
    package16403 (1.0.0)
    package16404 (1.0.0)
    package16405 (1.0.0)
    package16406 (1.0.0)
    package16407 (1.0.0)
    package16408 (1.0.0)
    package16409 (1.0.0)
    package16410 (1.0.0)
    package16411 (1.0.0)
    package16412 (1.0.0)
    package16413 (1.0.0)
    package16414 (1.0.0)
    package16415 (1.0.0)
    package16416 (1.0.0)
    package16417 (1.0.0)
    package16418 (1.0.0)
    package16419 (1.0.0)
    package16420 (1.0.0)
    package16421 (1.0.0)
    package16422 (1.0.0)
    package16423 (1.0.0)
    package16424 (1.0.0)
    package16425 (1.0.0)
    package16426 (1.0.0)
    package16427 (1.0.0)
    package16428 (1.0.0)
    package16429 (1.0.0)
    package16430 (1.0.0)
    package16431 (1.0.0)
    package16432 (1.0.0)
    package16433 (1.0.0)
    package16434 (1.0.0)
    package16435 (1.0.0)
    package16436 (1.0.0)
    package16437 (1.0.0)
    package16438 (1.0.0)
    package16439 (1.0.0)
    package16440 (1.0.0)
    package16441 (1.0.0)
    package16442 (1.0.0)
    package16443 (1.0.0)
    package16444 (1.0.0)
    package16445 (1.0.0)
    package16446 (1.0.0)
    package16447 (1.0.0)
    package16448 (1.0.0)
    package16449 (1.0.0)
    package16450 (1.0.0)
    package16451 (1.0.0)
    package16452 (1.0.0)
    package16453 (1.0.0)
    package16454 (1.0.0)
    package16455 (1.0.0)
    package16456 (1.0.0)
    package16457 (1.0.0)
    package16458 (1.0.0)
    package16459 (1.0.0)
    package16460 (1.0.0)
    package16461 (1.0.0)
    package16462 (1.0.0)
    package16463 (1.0.0)
    package16464 (1.0.0)
    package16465 (1.0.0)
    package16466 (1.0.0)
    package16467 (1.0.0)
    package16468 (1.0.0)
    package16469 (1.0.0)
    package16470 (1.0.0)
    package16471 (1.0.0)
    package16472 (1.0.0)
    package16473 (1.0.0)
    package16474 (1.0.0)
    package16475 (1.0.0)
    package16476 (1.0.0)
    package16477 (1.0.0)
    package16478 (1.0.0)
    package16479 (1.0.0)
    package16480 (1.0.0)
    package16481 (1.0.0)
    package16482 (1.0.0)
    package16483 (1.0.0)
    package16484 (1.0.0)
    package16485 (1.0.0)
    package16486 (1.0.0)
    package16487 (1.0.0)
    package16488 (1.0.0)
    package16489 (1.0.0)
    package16490 (1.0.0)
    package16491 (1.0.0)
    package16492 (1.0.0)
    package16493 (1.0.0)
    package16494 (1.0.0)
    package16495 (1.0.0)
    package16496 (1.0.0)
    package16497 (1.0.0)
    package16498 (1.0.0)
    package16499 (1.0.0)
    package16500 (1.0.0)
    package16501 (1.0.0)
    package16502 (1.0.0)
    package16503 (1.0.0)
    package16504 (1.0.0)
    package16505 (1.0.0)
    package16506 (1.0.0)
    package16507 (1.0.0)
    package16508 (1.0.0)
    package16509 (1.0.0)
    package16510 (1.0.0)
    package16511 (1.0.0)
    package16512 (1.0.0)
    package16513 (1.0.0)
    package16514 (1.0.0)
    package16515 (1.0.0)
    package16516 (1.0.0)
    package16517 (1.0.0)
    package16518 (1.0.0)
    package16519 (1.0.0)
    package16520 (1.0.0)
    package16521 (1.0.0)
    package16522 (1.0.0)
    package16523 (1.0.0)
    package16524 (1.0.0)
    package16525 (1.0.0)
    package16526 (1.0.0)
    package16527 (1.0.0)
    package16528 (1.0.0)
    package16529 (1.0.0)
    package16530 (1.0.0)
    package16531 (1.0.0)
    package16532 (1.0.0)
    package16533 (1.0.0)
    package16534 (1.0.0)
    package16535 (1.0.0)
    package16536 (1.0.0)
    package16537 (1.0.0)
    package16538 (1.0.0)
    package16539 (1.0.0)
    package16540 (1.0.0)
    package16541 (1.0.0)
    package16542 (1.0.0)
    package16543 (1.0.0)
    package16544 (1.0.0)
    package16545 (1.0.0)
    package16546 (1.0.0)
    package16547 (1.0.0)
    package16548 (1.0.0)
    package16549 (1.0.0)
    package16550 (1.0.0)
    package16551 (1.0.0)
    package16552 (1.0.0)
    package16553 (1.0.0)
    package16554 (1.0.0)
    package16555 (1.0.0)
    package16556 (1.0.0)
    package16557 (1.0.0)
    package16558 (1.0.0)
    package16559 (1.0.0)
    package16560 (1.0.0)
    package16561 (1.0.0)
    package16562 (1.0.0)
    package16563 (1.0.0)
    package16564 (1.0.0)
    package16565 (1.0.0)
    package16566 (1.0.0)
    package16567 (1.0.0)
    package16568 (1.0.0)
    package16569 (1.0.0)
    package16570 (1.0.0)
    package16571 (1.0.0)
    package16572 (1.0.0)
    package16573 (1.0.0)
    package16574 (1.0.0)
    package16575 (1.0.0)
    package16576 (1.0.0)
    package16577 (1.0.0)
    package16578 (1.0.0)
    package16579 (1.0.0)
    package16580 (1.0.0)
    package16581 (1.0.0)
    package16582 (1.0.0)
    package16583 (1.0.0)
    package16584 (1.0.0)
    package16585 (1.0.0)
    package16586 (1.0.0)
    package16587 (1.0.0)
    package16588 (1.0.0)
    package16589 (1.0.0)
    package16590 (1.0.0)
    package16591 (1.0.0)
    package16592 (1.0.0)
    package16593 (1.0.0)
    package16594 (1.0.0)
    package16595 (1.0.0)
    package16596 (1.0.0)
    package16597 (1.0.0)
    package16598 (1.0.0)
    package16599 (1.0.0)
    package16600 (1.0.0)
    package16601 (1.0.0)
    package16602 (1.0.0)
    package16603 (1.0.0)
    package16604 (1.0.0)
    package16605 (1.0.0)
    package16606 (1.0.0)
    package16607 (1.0.0)
    package16608 (1.0.0)
    package16609 (1.0.0)
    package16610 (1.0.0)
    package16611 (1.0.0)
    package16612 (1.0.0)
    package16613 (1.0.0)
    package16614 (1.0.0)
    package16615 (1.0.0)
    package16616 (1.0.0)
    package16617 (1.0.0)
    package16618 (1.0.0)
    package16619 (1.0.0)
    package16620 (1.0.0)
    package16621 (1.0.0)
    package16622 (1.0.0)
    package16623 (1.0.0)
    package16624 (1.0.0)
    package16625 (1.0.0)
    package16626 (1.0.0)
    package16627 (1.0.0)
    package16628 (1.0.0)
    package16629 (1.0.0)
    package16630 (1.0.0)
    package16631 (1.0.0)
    package16632 (1.0.0)
    package16633 (1.0.0)
    package16634 (1.0.0)
    package16635 (1.0.0)
    package16636 (1.0.0)
    package16637 (1.0.0)
    package16638 (1.0.0)
    package16639 (1.0.0)
    package16640 (1.0.0)
    package16641 (1.0.0)
    package16642 (1.0.0)
    package16643 (1.0.0)
    package16644 (1.0.0)
    package16645 (1.0.0)
    package16646 (1.0.0)
    package16647 (1.0.0)
    package16648 (1.0.0)
    package16649 (1.0.0)
    package16650 (1.0.0)
    package16651 (1.0.0)
    package16652 (1.0.0)
    package16653 (1.0.0)
    package16654 (1.0.0)
    package16655 (1.0.0)
    package16656 (1.0.0)
    package16657 (1.0.0)
    package16658 (1.0.0)
    package16659 (1.0.0)
    package16660 (1.0.0)
    package16661 (1.0.0)
    package16662 (1.0.0)
    package16663 (1.0.0)
    package16664 (1.0.0)
    package16665 (1.0.0)
    package16666 (1.0.0)
    package16667 (1.0.0)
    package16668 (1.0.0)
    package16669 (1.0.0)
    package16670 (1.0.0)
    package16671 (1.0.0)
    package16672 (1.0.0)
    package16673 (1.0.0)
    package16674 (1.0.0)
    package16675 (1.0.0)
    package16676 (1.0.0)
    package16677 (1.0.0)
    package16678 (1.0.0)
    package16679 (1.0.0)
    package16680 (1.0.0)
    package16681 (1.0.0)
    package16682 (1.0.0)
    package16683 (1.0.0)
    package16684 (1.0.0)
    package16685 (1.0.0)
    package16686 (1.0.0)
    package16687 (1.0.0)
    package16688 (1.0.0)
    package16689 (1.0.0)
    package16690 (1.0.0)
    package16691 (1.0.0)
    package16692 (1.0.0)
    package16693 (1.0.0)
    package16694 (1.0.0)
    package16695 (1.0.0)
    package16696 (1.0.0)
    package16697 (1.0.0)
    package16698 (1.0.0)
    package16699 (1.0.0)
    package16700 (1.0.0)
    package16701 (1.0.0)
    package16702 (1.0.0)
    package16703 (1.0.0)
    package16704 (1.0.0)
    package16705 (1.0.0)
    package16706 (1.0.0)
    package16707 (1.0.0)
    package16708 (1.0.0)
    package16709 (1.0.0)
    package16710 (1.0.0)
    package16711 (1.0.0)
    package16712 (1.0.0)
    package16713 (1.0.0)
    package16714 (1.0.0)
    package16715 (1.0.0)
    package16716 (1.0.0)
    package16717 (1.0.0)
    package16718 (1.0.0)
    package16719 (1.0.0)
    package16720 (1.0.0)
    package16721 (1.0.0)
    package16722 (1.0.0)
    package16723 (1.0.0)
    package16724 (1.0.0)
    package16725 (1.0.0)
    package16726 (1.0.0)
    package16727 (1.0.0)
    package16728 (1.0.0)
    package16729 (1.0.0)
    package16730 (1.0.0)
    package16731 (1.0.0)
    package16732 (1.0.0)
    package16733 (1.0.0)
    package16734 (1.0.0)
    package16735 (1.0.0)
    package16736 (1.0.0)
    package16737 (1.0.0)
    package16738 (1.0.0)
    package16739 (1.0.0)
    package16740 (1.0.0)
    package16741 (1.0.0)
    package16742 (1.0.0)
    package16743 (1.0.0)
    package16744 (1.0.0)
    package16745 (1.0.0)
    package16746 (1.0.0)
    package16747 (1.0.0)
    package16748 (1.0.0)
    package16749 (1.0.0)
    package16750 (1.0.0)
    package16751 (1.0.0)
    package16752 (1.0.0)
    package16753 (1.0.0)
    package16754 (1.0.0)
    package16755 (1.0.0)
    package16756 (1.0.0)
    package16757 (1.0.0)
    package16758 (1.0.0)
    package16759 (1.0.0)
    package16760 (1.0.0)
    package16761 (1.0.0)
    package16762 (1.0.0)
    package16763 (1.0.0)
    package16764 (1.0.0)
    package16765 (1.0.0)
    package16766 (1.0.0)
    package16767 (1.0.0)
    package16768 (1.0.0)
    package16769 (1.0.0)
    package16770 (1.0.0)
    package16771 (1.0.0)
    package16772 (1.0.0)
    package16773 (1.0.0)
    package16774 (1.0.0)
    package16775 (1.0.0)
    package16776 (1.0.0)
    package16777 (1.0.0)
    package16778 (1.0.0)
    package16779 (1.0.0)
    package16780 (1.0.0)
    package16781 (1.0.0)
    package16782 (1.0.0)
    package16783 (1.0.0)
    package16784 (1.0.0)
    package16785 (1.0.0)
    package16786 (1.0.0)
    package16787 (1.0.0)
    package16788 (1.0.0)
    package16789 (1.0.0)
    package16790 (1.0.0)
    package16791 (1.0.0)
    package16792 (1.0.0)
    package16793 (1.0.0)
    package16794 (1.0.0)
    package16795 (1.0.0)
    package16796 (1.0.0)
    package16797 (1.0.0)
    package16798 (1.0.0)
    package16799 (1.0.0)
    package16800 (1.0.0)
    package16801 (1.0.0)
    package16802 (1.0.0)
    package16803 (1.0.0)
    package16804 (1.0.0)
    package16805 (1.0.0)
    package16806 (1.0.0)
    package16807 (1.0.0)
    package16808 (1.0.0)
    package16809 (1.0.0)
    package16810 (1.0.0)
    package16811 (1.0.0)
    package16812 (1.0.0)
    package16813 (1.0.0)
    package16814 (1.0.0)
    package16815 (1.0.0)
    package16816 (1.0.0)
    package16817 (1.0.0)
    package16818 (1.0.0)
    package16819 (1.0.0)
    package16820 (1.0.0)
    package16821 (1.0.0)
    package16822 (1.0.0)
    package16823 (1.0.0)
    package16824 (1.0.0)
    package16825 (1.0.0)
    package16826 (1.0.0)
    package16827 (1.0.0)
    package16828 (1.0.0)
    package16829 (1.0.0)
    package16830 (1.0.0)
    package16831 (1.0.0)
    package16832 (1.0.0)
    package16833 (1.0.0)
    package16834 (1.0.0)
    package16835 (1.0.0)
    package16836 (1.0.0)
    package16837 (1.0.0)
    package16838 (1.0.0)
    package16839 (1.0.0)
    package16840 (1.0.0)
    package16841 (1.0.0)
    package16842 (1.0.0)
    package16843 (1.0.0)
    package16844 (1.0.0)
    package16845 (1.0.0)
    package16846 (1.0.0)
    package16847 (1.0.0)
    package16848 (1.0.0)
    package16849 (1.0.0)
    package16850 (1.0.0)
    package16851 (1.0.0)
    package16852 (1.0.0)
    package16853 (1.0.0)
    package16854 (1.0.0)
    package16855 (1.0.0)
    package16856 (1.0.0)
    package16857 (1.0.0)
    package16858 (1.0.0)
    package16859 (1.0.0)
    package16860 (1.0.0)
    package16861 (1.0.0)
    package16862 (1.0.0)
    package16863 (1.0.0)
    package16864 (1.0.0)
    package16865 (1.0.0)
    package16866 (1.0.0)
    package16867 (1.0.0)
    package16868 (1.0.0)
    package16869 (1.0.0)
    package16870 (1.0.0)
    package16871 (1.0.0)
    package16872 (1.0.0)
    package16873 (1.0.0)
    package16874 (1.0.0)
    package16875 (1.0.0)
    package16876 (1.0.0)
    package16877 (1.0.0)
    package16878 (1.0.0)
    package16879 (1.0.0)
    package16880 (1.0.0)
    package16881 (1.0.0)
    package16882 (1.0.0)
    package16883 (1.0.0)
    package16884 (1.0.0)
    package16885 (1.0.0)
    package16886 (1.0.0)
    package16887 (1.0.0)
    package16888 (1.0.0)
    package16889 (1.0.0)
    package16890 (1.0.0)
    package16891 (1.0.0)
    package16892 (1.0.0)
    package16893 (1.0.0)
    package16894 (1.0.0)
    package16895 (1.0.0)
    package16896 (1.0.0)
    package16897 (1.0.0)
    package16898 (1.0.0)
    package16899 (1.0.0)
    package16900 (1.0.0)
    package16901 (1.0.0)
    package16902 (1.0.0)
    package16903 (1.0.0)
    package16904 (1.0.0)
    package16905 (1.0.0)
    package16906 (1.0.0)
    package16907 (1.0.0)
    package16908 (1.0.0)
    package16909 (1.0.0)
    package16910 (1.0.0)
    package16911 (1.0.0)
    package16912 (1.0.0)
    package16913 (1.0.0)
    package16914 (1.0.0)
    package16915 (1.0.0)
    package16916 (1.0.0)
    package16917 (1.0.0)
    package16918 (1.0.0)
    package16919 (1.0.0)
    package16920 (1.0.0)
    package16921 (1.0.0)
    package16922 (1.0.0)
    package16923 (1.0.0)
    package16924 (1.0.0)
    package16925 (1.0.0)
    package16926 (1.0.0)
    package16927 (1.0.0)
    package16928 (1.0.0)
    package16929 (1.0.0)
    package16930 (1.0.0)
    package16931 (1.0.0)
    package16932 (1.0.0)
    package16933 (1.0.0)
    package16934 (1.0.0)
    package16935 (1.0.0)
    package16936 (1.0.0)
    package16937 (1.0.0)
    package16938 (1.0.0)
    package16939 (1.0.0)
    package16940 (1.0.0)
    package16941 (1.0.0)
    package16942 (1.0.0)
    package16943 (1.0.0)
    package16944 (1.0.0)
    package16945 (1.0.0)
    package16946 (1.0.0)
    package16947 (1.0.0)
    package16948 (1.0.0)
    package16949 (1.0.0)
    package16950 (1.0.0)
    package16951 (1.0.0)
    package16952 (1.0.0)
    package16953 (1.0.0)
    package16954 (1.0.0)
    package16955 (1.0.0)
    package16956 (1.0.0)
    package16957 (1.0.0)
    package16958 (1.0.0)
    package16959 (1.0.0)
    package16960 (1.0.0)
    package16961 (1.0.0)
    package16962 (1.0.0)
    package16963 (1.0.0)
    package16964 (1.0.0)
    package16965 (1.0.0)
    package16966 (1.0.0)
    package16967 (1.0.0)
    package16968 (1.0.0)
    package16969 (1.0.0)
    package16970 (1.0.0)
    package16971 (1.0.0)
    package16972 (1.0.0)
    package16973 (1.0.0)
    package16974 (1.0.0)
    package16975 (1.0.0)
    package16976 (1.0.0)
    package16977 (1.0.0)
    package16978 (1.0.0)
    package16979 (1.0.0)
    package16980 (1.0.0)
    package16981 (1.0.0)
    package16982 (1.0.0)
    package16983 (1.0.0)
    package16984 (1.0.0)
    package16985 (1.0.0)
    package16986 (1.0.0)
    package16987 (1.0.0)
    package16988 (1.0.0)
    package16989 (1.0.0)
    package16990 (1.0.0)
    package16991 (1.0.0)
    package16992 (1.0.0)
    package16993 (1.0.0)
    package16994 (1.0.0)
    package16995 (1.0.0)
    package16996 (1.0.0)
    package16997 (1.0.0)
    package16998 (1.0.0)
    package16999 (1.0.0)
    package17000 (1.0.0)
    package17001 (1.0.0)
    package17002 (1.0.0)
    package17003 (1.0.0)
    package17004 (1.0.0)
    package17005 (1.0.0)
    package17006 (1.0.0)
    package17007 (1.0.0)
    package17008 (1.0.0)
    package17009 (1.0.0)
    package17010 (1.0.0)
    package17011 (1.0.0)
    package17012 (1.0.0)
    package17013 (1.0.0)
    package17014 (1.0.0)
    package17015 (1.0.0)
    package17016 (1.0.0)
    package17017 (1.0.0)
    package17018 (1.0.0)
    package17019 (1.0.0)
    package17020 (1.0.0)
    package17021 (1.0.0)
    package17022 (1.0.0)
    package17023 (1.0.0)
    package17024 (1.0.0)
    package17025 (1.0.0)
    package17026 (1.0.0)
    package17027 (1.0.0)
    package17028 (1.0.0)
    package17029 (1.0.0)
    package17030 (1.0.0)
    package17031 (1.0.0)
    package17032 (1.0.0)
    package17033 (1.0.0)
    package17034 (1.0.0)
    package17035 (1.0.0)
    package17036 (1.0.0)
    package17037 (1.0.0)
    package17038 (1.0.0)
    package17039 (1.0.0)
    package17040 (1.0.0)
    package17041 (1.0.0)
    package17042 (1.0.0)
    package17043 (1.0.0)
    package17044 (1.0.0)
    package17045 (1.0.0)
    package17046 (1.0.0)
    package17047 (1.0.0)
    package17048 (1.0.0)
    package17049 (1.0.0)
    package17050 (1.0.0)
    package17051 (1.0.0)
    package17052 (1.0.0)
    package17053 (1.0.0)
    package17054 (1.0.0)
    package17055 (1.0.0)
    package17056 (1.0.0)
    package17057 (1.0.0)
    package17058 (1.0.0)
    package17059 (1.0.0)
    package17060 (1.0.0)
    package17061 (1.0.0)
    package17062 (1.0.0)
    package17063 (1.0.0)
    package17064 (1.0.0)
    package17065 (1.0.0)
    package17066 (1.0.0)
    package17067 (1.0.0)
    package17068 (1.0.0)
    package17069 (1.0.0)
    package17070 (1.0.0)
    package17071 (1.0.0)
    package17072 (1.0.0)
    package17073 (1.0.0)
    package17074 (1.0.0)
    package17075 (1.0.0)
    package17076 (1.0.0)
    package17077 (1.0.0)
    package17078 (1.0.0)
    package17079 (1.0.0)
    package17080 (1.0.0)
    package17081 (1.0.0)
    package17082 (1.0.0)
    package17083 (1.0.0)
    package17084 (1.0.0)
    package17085 (1.0.0)
    package17086 (1.0.0)
    package17087 (1.0.0)
    package17088 (1.0.0)
    package17089 (1.0.0)
    package17090 (1.0.0)
    package17091 (1.0.0)
    package17092 (1.0.0)
    package17093 (1.0.0)
    package17094 (1.0.0)
    package17095 (1.0.0)
    package17096 (1.0.0)
    package17097 (1.0.0)
    package17098 (1.0.0)
    package17099 (1.0.0)
    package17100 (1.0.0)
    package17101 (1.0.0)
    package17102 (1.0.0)
    package17103 (1.0.0)
    package17104 (1.0.0)
    package17105 (1.0.0)
    package17106 (1.0.0)
    package17107 (1.0.0)
    package17108 (1.0.0)
    package17109 (1.0.0)
    package17110 (1.0.0)
    package17111 (1.0.0)
    package17112 (1.0.0)
    package17113 (1.0.0)
    package17114 (1.0.0)
    package17115 (1.0.0)
    package17116 (1.0.0)
    package17117 (1.0.0)
    package17118 (1.0.0)
    package17119 (1.0.0)
    package17120 (1.0.0)
    package17121 (1.0.0)
    package17122 (1.0.0)
    package17123 (1.0.0)
    package17124 (1.0.0)
    package17125 (1.0.0)
    package17126 (1.0.0)
    package17127 (1.0.0)
    package17128 (1.0.0)
    package17129 (1.0.0)
    package17130 (1.0.0)
    package17131 (1.0.0)
    package17132 (1.0.0)
    package17133 (1.0.0)
    package17134 (1.0.0)
    package17135 (1.0.0)
    package17136 (1.0.0)
    package17137 (1.0.0)
    package17138 (1.0.0)
    package17139 (1.0.0)
    package17140 (1.0.0)
    package17141 (1.0.0)
    package17142 (1.0.0)
    package17143 (1.0.0)
    package17144 (1.0.0)
    package17145 (1.0.0)
    package17146 (1.0.0)
    package17147 (1.0.0)
    package17148 (1.0.0)
    package17149 (1.0.0)
    package17150 (1.0.0)
    package17151 (1.0.0)
    package17152 (1.0.0)
    package17153 (1.0.0)
    package17154 (1.0.0)
    package17155 (1.0.0)
    package17156 (1.0.0)
    package17157 (1.0.0)
    package17158 (1.0.0)
    package17159 (1.0.0)
    package17160 (1.0.0)
    package17161 (1.0.0)
    package17162 (1.0.0)
    package17163 (1.0.0)
    package17164 (1.0.0)
    package17165 (1.0.0)
    package17166 (1.0.0)
    package17167 (1.0.0)
    package17168 (1.0.0)
    package17169 (1.0.0)
    package17170 (1.0.0)
    package17171 (1.0.0)
    package17172 (1.0.0)
    package17173 (1.0.0)
    package17174 (1.0.0)
    package17175 (1.0.0)
    package17176 (1.0.0)
    package17177 (1.0.0)
    package17178 (1.0.0)
    package17179 (1.0.0)
    package17180 (1.0.0)
    package17181 (1.0.0)
    package17182 (1.0.0)
    package17183 (1.0.0)
    package17184 (1.0.0)
    package17185 (1.0.0)
    package17186 (1.0.0)
    package17187 (1.0.0)
    package17188 (1.0.0)
    package17189 (1.0.0)
    package17190 (1.0.0)
    package17191 (1.0.0)
    package17192 (1.0.0)
    package17193 (1.0.0)
    package17194 (1.0.0)
    package17195 (1.0.0)
    package17196 (1.0.0)
    package17197 (1.0.0)
    package17198 (1.0.0)
    package17199 (1.0.0)
    package17200 (1.0.0)
    package17201 (1.0.0)
    package17202 (1.0.0)
    package17203 (1.0.0)
    package17204 (1.0.0)
    package17205 (1.0.0)
    package17206 (1.0.0)
    package17207 (1.0.0)
    package17208 (1.0.0)
    package17209 (1.0.0)
    package17210 (1.0.0)
    package17211 (1.0.0)
    package17212 (1.0.0)
    package17213 (1.0.0)
    package17214 (1.0.0)
    package17215 (1.0.0)
    package17216 (1.0.0)
    package17217 (1.0.0)
    package17218 (1.0.0)
    package17219 (1.0.0)
    package17220 (1.0.0)
    package17221 (1.0.0)
    package17222 (1.0.0)
    package17223 (1.0.0)
    package17224 (1.0.0)
    package17225 (1.0.0)
    package17226 (1.0.0)
    package17227 (1.0.0)
    package17228 (1.0.0)
    package17229 (1.0.0)
    package17230 (1.0.0)
    package17231 (1.0.0)
    package17232 (1.0.0)
    package17233 (1.0.0)
    package17234 (1.0.0)
    package17235 (1.0.0)
    package17236 (1.0.0)
    package17237 (1.0.0)
    package17238 (1.0.0)
    package17239 (1.0.0)
    package17240 (1.0.0)
    package17241 (1.0.0)
    package17242 (1.0.0)
    package17243 (1.0.0)
    package17244 (1.0.0)
    package17245 (1.0.0)
    package17246 (1.0.0)
    package17247 (1.0.0)
    package17248 (1.0.0)
    package17249 (1.0.0)
    package17250 (1.0.0)
    package17251 (1.0.0)
    package17252 (1.0.0)
    package17253 (1.0.0)
    package17254 (1.0.0)
    package17255 (1.0.0)
    package17256 (1.0.0)
    package17257 (1.0.0)
    package17258 (1.0.0)
    package17259 (1.0.0)
    package17260 (1.0.0)
    package17261 (1.0.0)
    package17262 (1.0.0)
    package17263 (1.0.0)
    package17264 (1.0.0)
    package17265 (1.0.0)
    package17266 (1.0.0)
    package17267 (1.0.0)
    package17268 (1.0.0)
    package17269 (1.0.0)
    package17270 (1.0.0)
    package17271 (1.0.0)
    package17272 (1.0.0)
    package17273 (1.0.0)
    package17274 (1.0.0)
    package17275 (1.0.0)
    package17276 (1.0.0)
    package17277 (1.0.0)
    package17278 (1.0.0)
    package17279 (1.0.0)
    package17280 (1.0.0)
    package17281 (1.0.0)
    package17282 (1.0.0)
    package17283 (1.0.0)
    package17284 (1.0.0)
    package17285 (1.0.0)
    package17286 (1.0.0)
    package17287 (1.0.0)
    package17288 (1.0.0)
    package17289 (1.0.0)
    package17290 (1.0.0)
    package17291 (1.0.0)
    package17292 (1.0.0)
    package17293 (1.0.0)
    package17294 (1.0.0)
    package17295 (1.0.0)
    package17296 (1.0.0)
    package17297 (1.0.0)
    package17298 (1.0.0)
    package17299 (1.0.0)
    package17300 (1.0.0)
    package17301 (1.0.0)
    package17302 (1.0.0)
    package17303 (1.0.0)
    package17304 (1.0.0)
    package17305 (1.0.0)
    package17306 (1.0.0)
    package17307 (1.0.0)
    package17308 (1.0.0)
    package17309 (1.0.0)
    package17310 (1.0.0)
    package17311 (1.0.0)
    package17312 (1.0.0)
    package17313 (1.0.0)
    package17314 (1.0.0)
    package17315 (1.0.0)
    package17316 (1.0.0)
    package17317 (1.0.0)
    package17318 (1.0.0)
    package17319 (1.0.0)
    package17320 (1.0.0)
    package17321 (1.0.0)
    package17322 (1.0.0)
    package17323 (1.0.0)
    package17324 (1.0.0)
    package17325 (1.0.0)
    package17326 (1.0.0)
    package17327 (1.0.0)
    package17328 (1.0.0)
    package17329 (1.0.0)
    package17330 (1.0.0)
    package17331 (1.0.0)
    package17332 (1.0.0)
    package17333 (1.0.0)
    package17334 (1.0.0)
    package17335 (1.0.0)
    package17336 (1.0.0)
    package17337 (1.0.0)
    package17338 (1.0.0)
    package17339 (1.0.0)
    package17340 (1.0.0)
    package17341 (1.0.0)
    package17342 (1.0.0)
    package17343 (1.0.0)
    package17344 (1.0.0)
    package17345 (1.0.0)
    package17346 (1.0.0)
    package17347 (1.0.0)
    package17348 (1.0.0)
    package17349 (1.0.0)
    package17350 (1.0.0)
    package17351 (1.0.0)
    package17352 (1.0.0)
    package17353 (1.0.0)
    package17354 (1.0.0)
    package17355 (1.0.0)
    package17356 (1.0.0)
    package17357 (1.0.0)
    package17358 (1.0.0)
    package17359 (1.0.0)
    package17360 (1.0.0)
    package17361 (1.0.0)
    package17362 (1.0.0)
    package17363 (1.0.0)
    package17364 (1.0.0)
    package17365 (1.0.0)
    package17366 (1.0.0)
    package17367 (1.0.0)
    package17368 (1.0.0)
    package17369 (1.0.0)
    package17370 (1.0.0)
    package17371 (1.0.0)
    package17372 (1.0.0)
    package17373 (1.0.0)
    package17374 (1.0.0)
    package17375 (1.0.0)
    package17376 (1.0.0)
    package17377 (1.0.0)
    package17378 (1.0.0)
    package17379 (1.0.0)
    package17380 (1.0.0)
    package17381 (1.0.0)
    package17382 (1.0.0)
    package17383 (1.0.0)
    package17384 (1.0.0)
    package17385 (1.0.0)
    package17386 (1.0.0)
    package17387 (1.0.0)
    package17388 (1.0.0)
    package17389 (1.0.0)
    package17390 (1.0.0)
    package17391 (1.0.0)
    package17392 (1.0.0)
    package17393 (1.0.0)
    package17394 (1.0.0)
    package17395 (1.0.0)
    package17396 (1.0.0)
    package17397 (1.0.0)
    package17398 (1.0.0)
    package17399 (1.0.0)
    package17400 (1.0.0)
    package17401 (1.0.0)
    package17402 (1.0.0)
    package17403 (1.0.0)
    package17404 (1.0.0)
    package17405 (1.0.0)
    package17406 (1.0.0)
    package17407 (1.0.0)
    package17408 (1.0.0)
    package17409 (1.0.0)
    package17410 (1.0.0)
    package17411 (1.0.0)
    package17412 (1.0.0)
    package17413 (1.0.0)
    package17414 (1.0.0)
    package17415 (1.0.0)
    package17416 (1.0.0)
    package17417 (1.0.0)
    package17418 (1.0.0)
    package17419 (1.0.0)
    package17420 (1.0.0)
    package17421 (1.0.0)
    package17422 (1.0.0)
    package17423 (1.0.0)
    package17424 (1.0.0)
    package17425 (1.0.0)
    package17426 (1.0.0)
    package17427 (1.0.0)
    package17428 (1.0.0)
    package17429 (1.0.0)
    package17430 (1.0.0)
    package17431 (1.0.0)
    package17432 (1.0.0)
    package17433 (1.0.0)
    package17434 (1.0.0)
    package17435 (1.0.0)
    package17436 (1.0.0)
    package17437 (1.0.0)
    package17438 (1.0.0)
    package17439 (1.0.0)
    package17440 (1.0.0)
    package17441 (1.0.0)
    package17442 (1.0.0)
    package17443 (1.0.0)
    package17444 (1.0.0)
    package17445 (1.0.0)
    package17446 (1.0.0)
    package17447 (1.0.0)
    package17448 (1.0.0)
    package17449 (1.0.0)
    package17450 (1.0.0)
    package17451 (1.0.0)
    package17452 (1.0.0)
    package17453 (1.0.0)
    package17454 (1.0.0)
    package17455 (1.0.0)
    package17456 (1.0.0)
    package17457 (1.0.0)
    package17458 (1.0.0)
    package17459 (1.0.0)
    package17460 (1.0.0)
    package17461 (1.0.0)
    package17462 (1.0.0)
    package17463 (1.0.0)
    package17464 (1.0.0)
    package17465 (1.0.0)
    package17466 (1.0.0)
    package17467 (1.0.0)
    package17468 (1.0.0)
    package17469 (1.0.0)
    package17470 (1.0.0)
    package17471 (1.0.0)
    package17472 (1.0.0)
    package17473 (1.0.0)
    package17474 (1.0.0)
    package17475 (1.0.0)
    package17476 (1.0.0)
    package17477 (1.0.0)
    package17478 (1.0.0)
    package17479 (1.0.0)
    package17480 (1.0.0)
    package17481 (1.0.0)
    package17482 (1.0.0)
    package17483 (1.0.0)
    package17484 (1.0.0)
    package17485 (1.0.0)
    package17486 (1.0.0)
    package17487 (1.0.0)
    package17488 (1.0.0)
    package17489 (1.0.0)
    package17490 (1.0.0)
    package17491 (1.0.0)
    package17492 (1.0.0)
    package17493 (1.0.0)
    package17494 (1.0.0)
    package17495 (1.0.0)
    package17496 (1.0.0)
    package17497 (1.0.0)
    package17498 (1.0.0)
    package17499 (1.0.0)
    package17500 (1.0.0)
    package17501 (1.0.0)
    package17502 (1.0.0)
    package17503 (1.0.0)
    package17504 (1.0.0)
    package17505 (1.0.0)
    package17506 (1.0.0)
    package17507 (1.0.0)
    package17508 (1.0.0)
    package17509 (1.0.0)
    package17510 (1.0.0)
    package17511 (1.0.0)
    package17512 (1.0.0)
    package17513 (1.0.0)
    package17514 (1.0.0)
    package17515 (1.0.0)
    package17516 (1.0.0)
    package17517 (1.0.0)
    package17518 (1.0.0)
    package17519 (1.0.0)
    package17520 (1.0.0)
    package17521 (1.0.0)
    package17522 (1.0.0)
    package17523 (1.0.0)
    package17524 (1.0.0)
    package17525 (1.0.0)
    package17526 (1.0.0)
    package17527 (1.0.0)
    package17528 (1.0.0)
    package17529 (1.0.0)
    package17530 (1.0.0)
    package17531 (1.0.0)
    package17532 (1.0.0)
    package17533 (1.0.0)
    package17534 (1.0.0)
    package17535 (1.0.0)
    package17536 (1.0.0)
    package17537 (1.0.0)
    package17538 (1.0.0)
    package17539 (1.0.0)
    package17540 (1.0.0)
    package17541 (1.0.0)
    package17542 (1.0.0)
    package17543 (1.0.0)
    package17544 (1.0.0)
    package17545 (1.0.0)
    package17546 (1.0.0)
    package17547 (1.0.0)
    package17548 (1.0.0)
    package17549 (1.0.0)
    package17550 (1.0.0)
    package17551 (1.0.0)
    package17552 (1.0.0)
    package17553 (1.0.0)
    package17554 (1.0.0)
    package17555 (1.0.0)
    package17556 (1.0.0)
    package17557 (1.0.0)
    package17558 (1.0.0)
    package17559 (1.0.0)
    package17560 (1.0.0)
    package17561 (1.0.0)
    package17562 (1.0.0)
    package17563 (1.0.0)
    package17564 (1.0.0)
    package17565 (1.0.0)
    package17566 (1.0.0)
    package17567 (1.0.0)
    package17568 (1.0.0)
    package17569 (1.0.0)
    package17570 (1.0.0)
    package17571 (1.0.0)
    package17572 (1.0.0)
    package17573 (1.0.0)
    package17574 (1.0.0)
    package17575 (1.0.0)
    package17576 (1.0.0)
    package17577 (1.0.0)
    package17578 (1.0.0)
    package17579 (1.0.0)
    package17580 (1.0.0)
    package17581 (1.0.0)
    package17582 (1.0.0)
    package17583 (1.0.0)
    package17584 (1.0.0)
    package17585 (1.0.0)
    package17586 (1.0.0)
    package17587 (1.0.0)
    package17588 (1.0.0)
    package17589 (1.0.0)
    package17590 (1.0.0)
    package17591 (1.0.0)
    package17592 (1.0.0)
    package17593 (1.0.0)
    package17594 (1.0.0)
    package17595 (1.0.0)
    package17596 (1.0.0)
    package17597 (1.0.0)
    package17598 (1.0.0)
    package17599 (1.0.0)
    package17600 (1.0.0)
    package17601 (1.0.0)
    package17602 (1.0.0)
    package17603 (1.0.0)
    package17604 (1.0.0)
    package17605 (1.0.0)
    package17606 (1.0.0)
    package17607 (1.0.0)
    package17608 (1.0.0)
    package17609 (1.0.0)
    package17610 (1.0.0)
    package17611 (1.0.0)
    package17612 (1.0.0)
    package17613 (1.0.0)
    package17614 (1.0.0)
    package17615 (1.0.0)
    package17616 (1.0.0)
    package17617 (1.0.0)
    package17618 (1.0.0)
    package17619 (1.0.0)
    package17620 (1.0.0)
    package17621 (1.0.0)
    package17622 (1.0.0)
    package17623 (1.0.0)
    package17624 (1.0.0)
    package17625 (1.0.0)
    package17626 (1.0.0)
    package17627 (1.0.0)
    package17628 (1.0.0)
    package17629 (1.0.0)
    package17630 (1.0.0)
    package17631 (1.0.0)
    package17632 (1.0.0)
    package17633 (1.0.0)
    package17634 (1.0.0)
    package17635 (1.0.0)
    package17636 (1.0.0)
    package17637 (1.0.0)
    package17638 (1.0.0)
    package17639 (1.0.0)
    package17640 (1.0.0)
    package17641 (1.0.0)
    package17642 (1.0.0)
    package17643 (1.0.0)
    package17644 (1.0.0)
    package17645 (1.0.0)
    package17646 (1.0.0)
    package17647 (1.0.0)
    package17648 (1.0.0)
    package17649 (1.0.0)
    package17650 (1.0.0)
    package17651 (1.0.0)
    package17652 (1.0.0)
    package17653 (1.0.0)
    package17654 (1.0.0)
    package17655 (1.0.0)
    package17656 (1.0.0)
    package17657 (1.0.0)
    package17658 (1.0.0)
    package17659 (1.0.0)
    package17660 (1.0.0)
    package17661 (1.0.0)
    package17662 (1.0.0)
    package17663 (1.0.0)
    package17664 (1.0.0)
    package17665 (1.0.0)
    package17666 (1.0.0)
    package17667 (1.0.0)
    package17668 (1.0.0)
    package17669 (1.0.0)
    package17670 (1.0.0)
    package17671 (1.0.0)
    package17672 (1.0.0)
    package17673 (1.0.0)
    package17674 (1.0.0)
    package17675 (1.0.0)
    package17676 (1.0.0)
    package17677 (1.0.0)
    package17678 (1.0.0)
    package17679 (1.0.0)
    package17680 (1.0.0)
    package17681 (1.0.0)
    package17682 (1.0.0)
    package17683 (1.0.0)
    package17684 (1.0.0)
    package17685 (1.0.0)
    package17686 (1.0.0)
    package17687 (1.0.0)
    package17688 (1.0.0)
    package17689 (1.0.0)
    package17690 (1.0.0)
    package17691 (1.0.0)
    package17692 (1.0.0)
    package17693 (1.0.0)
    package17694 (1.0.0)
    package17695 (1.0.0)
    package17696 (1.0.0)
    package17697 (1.0.0)
    package17698 (1.0.0)
    package17699 (1.0.0)
    package17700 (1.0.0)
    package17701 (1.0.0)
    package17702 (1.0.0)
    package17703 (1.0.0)
    package17704 (1.0.0)
    package17705 (1.0.0)
    package17706 (1.0.0)
    package17707 (1.0.0)
    package17708 (1.0.0)
    package17709 (1.0.0)
    package17710 (1.0.0)
    package17711 (1.0.0)
    package17712 (1.0.0)
    package17713 (1.0.0)
    package17714 (1.0.0)
    package17715 (1.0.0)
    package17716 (1.0.0)
    package17717 (1.0.0)
    package17718 (1.0.0)
    package17719 (1.0.0)
    package17720 (1.0.0)
    package17721 (1.0.0)
    package17722 (1.0.0)
    package17723 (1.0.0)
    package17724 (1.0.0)
    package17725 (1.0.0)
    package17726 (1.0.0)
    package17727 (1.0.0)
    package17728 (1.0.0)
    package17729 (1.0.0)
    package17730 (1.0.0)
    package17731 (1.0.0)
    package17732 (1.0.0)
    package17733 (1.0.0)
    package17734 (1.0.0)
    package17735 (1.0.0)
    package17736 (1.0.0)
    package17737 (1.0.0)
    package17738 (1.0.0)
    package17739 (1.0.0)
    package17740 (1.0.0)
    package17741 (1.0.0)
    package17742 (1.0.0)
    package17743 (1.0.0)
    package17744 (1.0.0)
    package17745 (1.0.0)
    package17746 (1.0.0)
    package17747 (1.0.0)
    package17748 (1.0.0)
    package17749 (1.0.0)
    package17750 (1.0.0)
    package17751 (1.0.0)
    package17752 (1.0.0)
    package17753 (1.0.0)
    package17754 (1.0.0)
    package17755 (1.0.0)
    package17756 (1.0.0)
    package17757 (1.0.0)
    package17758 (1.0.0)
    package17759 (1.0.0)
    package17760 (1.0.0)
    package17761 (1.0.0)
    package17762 (1.0.0)
    package17763 (1.0.0)
    package17764 (1.0.0)
    package17765 (1.0.0)
    package17766 (1.0.0)
    package17767 (1.0.0)
    package17768 (1.0.0)
    package17769 (1.0.0)
    package17770 (1.0.0)
    package17771 (1.0.0)
    package17772 (1.0.0)
    package17773 (1.0.0)
    package17774 (1.0.0)
    package17775 (1.0.0)
    package17776 (1.0.0)
    package17777 (1.0.0)
    package17778 (1.0.0)
    package17779 (1.0.0)
    package17780 (1.0.0)
    package17781 (1.0.0)
    package17782 (1.0.0)
    package17783 (1.0.0)
    package17784 (1.0.0)
    package17785 (1.0.0)
    package17786 (1.0.0)
    package17787 (1.0.0)
    package17788 (1.0.0)
    package17789 (1.0.0)
    package17790 (1.0.0)
    package17791 (1.0.0)
    package17792 (1.0.0)
    package17793 (1.0.0)
    package17794 (1.0.0)
    package17795 (1.0.0)
    package17796 (1.0.0)
    package17797 (1.0.0)
    package17798 (1.0.0)
    package17799 (1.0.0)
    package17800 (1.0.0)
    package17801 (1.0.0)
    package17802 (1.0.0)
    package17803 (1.0.0)
    package17804 (1.0.0)
    package17805 (1.0.0)
    package17806 (1.0.0)
    package17807 (1.0.0)
    package17808 (1.0.0)
    package17809 (1.0.0)
    package17810 (1.0.0)
    package17811 (1.0.0)
    package17812 (1.0.0)
    package17813 (1.0.0)
    package17814 (1.0.0)
    package17815 (1.0.0)
    package17816 (1.0.0)
    package17817 (1.0.0)
    package17818 (1.0.0)
    package17819 (1.0.0)
    package17820 (1.0.0)
    package17821 (1.0.0)
    package17822 (1.0.0)
    package17823 (1.0.0)
    package17824 (1.0.0)
    package17825 (1.0.0)
    package17826 (1.0.0)
    package17827 (1.0.0)
    package17828 (1.0.0)
    package17829 (1.0.0)
    package17830 (1.0.0)
    package17831 (1.0.0)
    package17832 (1.0.0)
    package17833 (1.0.0)
    package17834 (1.0.0)
    package17835 (1.0.0)
    package17836 (1.0.0)
    package17837 (1.0.0)
    package17838 (1.0.0)
    package17839 (1.0.0)
    package17840 (1.0.0)
    package17841 (1.0.0)
    package17842 (1.0.0)
    package17843 (1.0.0)
    package17844 (1.0.0)
    package17845 (1.0.0)
    package17846 (1.0.0)
    package17847 (1.0.0)
    package17848 (1.0.0)
    package17849 (1.0.0)
    package17850 (1.0.0)
    package17851 (1.0.0)
    package17852 (1.0.0)
    package17853 (1.0.0)
    package17854 (1.0.0)
    package17855 (1.0.0)
    package17856 (1.0.0)
    package17857 (1.0.0)
    package17858 (1.0.0)
    package17859 (1.0.0)
    package17860 (1.0.0)
    package17861 (1.0.0)
    package17862 (1.0.0)
    package17863 (1.0.0)
    package17864 (1.0.0)
    package17865 (1.0.0)
    package17866 (1.0.0)
    package17867 (1.0.0)
    package17868 (1.0.0)
    package17869 (1.0.0)
    package17870 (1.0.0)
    package17871 (1.0.0)
    package17872 (1.0.0)
    package17873 (1.0.0)
    package17874 (1.0.0)
    package17875 (1.0.0)
    package17876 (1.0.0)
    package17877 (1.0.0)
    package17878 (1.0.0)
    package17879 (1.0.0)
    package17880 (1.0.0)
    package17881 (1.0.0)
    package17882 (1.0.0)
    package17883 (1.0.0)
    package17884 (1.0.0)
    package17885 (1.0.0)
    package17886 (1.0.0)
    package17887 (1.0.0)
    package17888 (1.0.0)
    package17889 (1.0.0)
    package17890 (1.0.0)
    package17891 (1.0.0)
    package17892 (1.0.0)
    package17893 (1.0.0)
    package17894 (1.0.0)
    package17895 (1.0.0)
    package17896 (1.0.0)
    package17897 (1.0.0)
    package17898 (1.0.0)
    package17899 (1.0.0)
    package17900 (1.0.0)
    package17901 (1.0.0)
    package17902 (1.0.0)
    package17903 (1.0.0)
    package17904 (1.0.0)
    package17905 (1.0.0)
    package17906 (1.0.0)
    package17907 (1.0.0)
    package17908 (1.0.0)
    package17909 (1.0.0)
    package17910 (1.0.0)
    package17911 (1.0.0)
    package17912 (1.0.0)
    package17913 (1.0.0)
    package17914 (1.0.0)
    package17915 (1.0.0)
    package17916 (1.0.0)
    package17917 (1.0.0)
    package17918 (1.0.0)
    package17919 (1.0.0)
    package17920 (1.0.0)
    package17921 (1.0.0)
    package17922 (1.0.0)
    package17923 (1.0.0)
    package17924 (1.0.0)
    package17925 (1.0.0)
    package17926 (1.0.0)
    package17927 (1.0.0)
    package17928 (1.0.0)
    package17929 (1.0.0)
    package17930 (1.0.0)
    package17931 (1.0.0)
    package17932 (1.0.0)
    package17933 (1.0.0)
    package17934 (1.0.0)
    package17935 (1.0.0)
    package17936 (1.0.0)
    package17937 (1.0.0)
    package17938 (1.0.0)
    package17939 (1.0.0)
    package17940 (1.0.0)
    package17941 (1.0.0)
    package17942 (1.0.0)
    package17943 (1.0.0)
    package17944 (1.0.0)
    package17945 (1.0.0)
    package17946 (1.0.0)
    package17947 (1.0.0)
    package17948 (1.0.0)
    package17949 (1.0.0)
    package17950 (1.0.0)
    package17951 (1.0.0)
    package17952 (1.0.0)
    package17953 (1.0.0)
    package17954 (1.0.0)
    package17955 (1.0.0)
    package17956 (1.0.0)
    package17957 (1.0.0)
    package17958 (1.0.0)
    package17959 (1.0.0)
    package17960 (1.0.0)
    package17961 (1.0.0)
    package17962 (1.0.0)
    package17963 (1.0.0)
    package17964 (1.0.0)
    package17965 (1.0.0)
    package17966 (1.0.0)
    package17967 (1.0.0)
    package17968 (1.0.0)
    package17969 (1.0.0)
    package17970 (1.0.0)
    package17971 (1.0.0)
    package17972 (1.0.0)
    package17973 (1.0.0)
    package17974 (1.0.0)
    package17975 (1.0.0)
    package17976 (1.0.0)
    package17977 (1.0.0)
    package17978 (1.0.0)
    package17979 (1.0.0)
    package17980 (1.0.0)
    package17981 (1.0.0)
    package17982 (1.0.0)
    package17983 (1.0.0)
    package17984 (1.0.0)
    package17985 (1.0.0)
    package17986 (1.0.0)
    package17987 (1.0.0)
    package17988 (1.0.0)
    package17989 (1.0.0)
    package17990 (1.0.0)
    package17991 (1.0.0)
    package17992 (1.0.0)
    package17993 (1.0.0)
    package17994 (1.0.0)
    package17995 (1.0.0)
    package17996 (1.0.0)
    package17997 (1.0.0)
    package17998 (1.0.0)
    package17999 (1.0.0)
    package18000 (1.0.0)
    package18001 (1.0.0)
    package18002 (1.0.0)
    package18003 (1.0.0)
    package18004 (1.0.0)
    package18005 (1.0.0)
    package18006 (1.0.0)
    package18007 (1.0.0)
    package18008 (1.0.0)
    package18009 (1.0.0)
    package18010 (1.0.0)
    package18011 (1.0.0)
    package18012 (1.0.0)
    package18013 (1.0.0)
    package18014 (1.0.0)
    package18015 (1.0.0)
    package18016 (1.0.0)
    package18017 (1.0.0)
    package18018 (1.0.0)
    package18019 (1.0.0)
    package18020 (1.0.0)
    package18021 (1.0.0)
    package18022 (1.0.0)
    package18023 (1.0.0)
    package18024 (1.0.0)
    package18025 (1.0.0)
    package18026 (1.0.0)
    package18027 (1.0.0)
    package18028 (1.0.0)
    package18029 (1.0.0)
    package18030 (1.0.0)
    package18031 (1.0.0)
    package18032 (1.0.0)
    package18033 (1.0.0)
    package18034 (1.0.0)
    package18035 (1.0.0)
    package18036 (1.0.0)
    package18037 (1.0.0)
    package18038 (1.0.0)
    package18039 (1.0.0)
    package18040 (1.0.0)
    package18041 (1.0.0)
    package18042 (1.0.0)
    package18043 (1.0.0)
    package18044 (1.0.0)
    package18045 (1.0.0)
    package18046 (1.0.0)
    package18047 (1.0.0)
    package18048 (1.0.0)
    package18049 (1.0.0)
    package18050 (1.0.0)
    package18051 (1.0.0)
    package18052 (1.0.0)
    package18053 (1.0.0)
    package18054 (1.0.0)
    package18055 (1.0.0)
    package18056 (1.0.0)
    package18057 (1.0.0)
    package18058 (1.0.0)
    package18059 (1.0.0)
    package18060 (1.0.0)
    package18061 (1.0.0)
    package18062 (1.0.0)
    package18063 (1.0.0)
    package18064 (1.0.0)
    package18065 (1.0.0)
    package18066 (1.0.0)
    package18067 (1.0.0)
    package18068 (1.0.0)
    package18069 (1.0.0)
    package18070 (1.0.0)
    package18071 (1.0.0)
    package18072 (1.0.0)
    package18073 (1.0.0)
    package18074 (1.0.0)
    package18075 (1.0.0)
    package18076 (1.0.0)
    package18077 (1.0.0)
    package18078 (1.0.0)
    package18079 (1.0.0)
    package18080 (1.0.0)
    package18081 (1.0.0)
    package18082 (1.0.0)
    package18083 (1.0.0)
    package18084 (1.0.0)
    package18085 (1.0.0)
    package18086 (1.0.0)
    package18087 (1.0.0)
    package18088 (1.0.0)
    package18089 (1.0.0)
    package18090 (1.0.0)
    package18091 (1.0.0)
    package18092 (1.0.0)
    package18093 (1.0.0)
    package18094 (1.0.0)
    package18095 (1.0.0)
    package18096 (1.0.0)
    package18097 (1.0.0)
    package18098 (1.0.0)
    package18099 (1.0.0)
    package18100 (1.0.0)
    package18101 (1.0.0)
    package18102 (1.0.0)
    package18103 (1.0.0)
    package18104 (1.0.0)
    package18105 (1.0.0)
    package18106 (1.0.0)
    package18107 (1.0.0)
    package18108 (1.0.0)
    package18109 (1.0.0)
    package18110 (1.0.0)
    package18111 (1.0.0)
    package18112 (1.0.0)
    package18113 (1.0.0)
    package18114 (1.0.0)
    package18115 (1.0.0)
    package18116 (1.0.0)
    package18117 (1.0.0)
    package18118 (1.0.0)
    package18119 (1.0.0)
    package18120 (1.0.0)
    package18121 (1.0.0)
    package18122 (1.0.0)
    package18123 (1.0.0)
    package18124 (1.0.0)
    package18125 (1.0.0)
    package18126 (1.0.0)
    package18127 (1.0.0)
    package18128 (1.0.0)
    package18129 (1.0.0)
    package18130 (1.0.0)
    package18131 (1.0.0)
    package18132 (1.0.0)
    package18133 (1.0.0)
    package18134 (1.0.0)
    package18135 (1.0.0)
    package18136 (1.0.0)
    package18137 (1.0.0)
    package18138 (1.0.0)
    package18139 (1.0.0)
    package18140 (1.0.0)
    package18141 (1.0.0)
    package18142 (1.0.0)
    package18143 (1.0.0)
    package18144 (1.0.0)
    package18145 (1.0.0)
    package18146 (1.0.0)
    package18147 (1.0.0)
    package18148 (1.0.0)
    package18149 (1.0.0)
    package18150 (1.0.0)
    package18151 (1.0.0)
    package18152 (1.0.0)
    package18153 (1.0.0)
    package18154 (1.0.0)
    package18155 (1.0.0)
    package18156 (1.0.0)
    package18157 (1.0.0)
    package18158 (1.0.0)
    package18159 (1.0.0)
    package18160 (1.0.0)
    package18161 (1.0.0)
    package18162 (1.0.0)
    package18163 (1.0.0)
    package18164 (1.0.0)
    package18165 (1.0.0)
    package18166 (1.0.0)
    package18167 (1.0.0)
    package18168 (1.0.0)
    package18169 (1.0.0)
    package18170 (1.0.0)
    package18171 (1.0.0)
    package18172 (1.0.0)
    package18173 (1.0.0)
    package18174 (1.0.0)
    package18175 (1.0.0)
    package18176 (1.0.0)
    package18177 (1.0.0)
    package18178 (1.0.0)
    package18179 (1.0.0)
    package18180 (1.0.0)
    package18181 (1.0.0)
    package18182 (1.0.0)
    package18183 (1.0.0)
    package18184 (1.0.0)
    package18185 (1.0.0)
    package18186 (1.0.0)
    package18187 (1.0.0)
    package18188 (1.0.0)
    package18189 (1.0.0)
    package18190 (1.0.0)
    package18191 (1.0.0)
    package18192 (1.0.0)
    package18193 (1.0.0)
    package18194 (1.0.0)
    package18195 (1.0.0)
    package18196 (1.0.0)
    package18197 (1.0.0)
    package18198 (1.0.0)
    package18199 (1.0.0)
    package18200 (1.0.0)
    package18201 (1.0.0)
    package18202 (1.0.0)
    package18203 (1.0.0)
    package18204 (1.0.0)
    package18205 (1.0.0)
    package18206 (1.0.0)
    package18207 (1.0.0)
    package18208 (1.0.0)
    package18209 (1.0.0)
    package18210 (1.0.0)
    package18211 (1.0.0)
    package18212 (1.0.0)
    package18213 (1.0.0)
    package18214 (1.0.0)
    package18215 (1.0.0)
    package18216 (1.0.0)
    package18217 (1.0.0)
    package18218 (1.0.0)
    package18219 (1.0.0)
    package18220 (1.0.0)
    package18221 (1.0.0)
    package18222 (1.0.0)
    package18223 (1.0.0)
    package18224 (1.0.0)
    package18225 (1.0.0)
    package18226 (1.0.0)
    package18227 (1.0.0)
    package18228 (1.0.0)
    package18229 (1.0.0)
    package18230 (1.0.0)
    package18231 (1.0.0)
    package18232 (1.0.0)
    package18233 (1.0.0)
    package18234 (1.0.0)
    package18235 (1.0.0)
    package18236 (1.0.0)
    package18237 (1.0.0)
    package18238 (1.0.0)
    package18239 (1.0.0)
    package18240 (1.0.0)
    package18241 (1.0.0)
    package18242 (1.0.0)
    package18243 (1.0.0)
    package18244 (1.0.0)
    package18245 (1.0.0)
    package18246 (1.0.0)
    package18247 (1.0.0)
    package18248 (1.0.0)
    package18249 (1.0.0)
    package18250 (1.0.0)
    package18251 (1.0.0)
    package18252 (1.0.0)
    package18253 (1.0.0)
    package18254 (1.0.0)
    package18255 (1.0.0)
    package18256 (1.0.0)
    package18257 (1.0.0)
    package18258 (1.0.0)
    package18259 (1.0.0)
    package18260 (1.0.0)
    package18261 (1.0.0)
    package18262 (1.0.0)
    package18263 (1.0.0)
    package18264 (1.0.0)
    package18265 (1.0.0)
    package18266 (1.0.0)
    package18267 (1.0.0)
    package18268 (1.0.0)
    package18269 (1.0.0)
    package18270 (1.0.0)
    package18271 (1.0.0)
    package18272 (1.0.0)
    package18273 (1.0.0)
    package18274 (1.0.0)
    package18275 (1.0.0)
    package18276 (1.0.0)
    package18277 (1.0.0)
    package18278 (1.0.0)
    package18279 (1.0.0)
    package18280 (1.0.0)
    package18281 (1.0.0)
    package18282 (1.0.0)
    package18283 (1.0.0)
    package18284 (1.0.0)
    package18285 (1.0.0)
    package18286 (1.0.0)
    package18287 (1.0.0)
    package18288 (1.0.0)
    package18289 (1.0.0)
    package18290 (1.0.0)
    package18291 (1.0.0)
    package18292 (1.0.0)
    package18293 (1.0.0)
    package18294 (1.0.0)
    package18295 (1.0.0)
    package18296 (1.0.0)
    package18297 (1.0.0)
    package18298 (1.0.0)
    package18299 (1.0.0)
    package18300 (1.0.0)
    package18301 (1.0.0)
    package18302 (1.0.0)
    package18303 (1.0.0)
    package18304 (1.0.0)
    package18305 (1.0.0)
    package18306 (1.0.0)
    package18307 (1.0.0)
    package18308 (1.0.0)
    package18309 (1.0.0)
    package18310 (1.0.0)
    package18311 (1.0.0)
    package18312 (1.0.0)
    package18313 (1.0.0)
    package18314 (1.0.0)
    package18315 (1.0.0)
    package18316 (1.0.0)
    package18317 (1.0.0)
    package18318 (1.0.0)
    package18319 (1.0.0)
    package18320 (1.0.0)
    package18321 (1.0.0)
    package18322 (1.0.0)
    package18323 (1.0.0)
    package18324 (1.0.0)
    package18325 (1.0.0)
    package18326 (1.0.0)
    package18327 (1.0.0)
    package18328 (1.0.0)
    package18329 (1.0.0)
    package18330 (1.0.0)
    package18331 (1.0.0)
    package18332 (1.0.0)
    package18333 (1.0.0)
    package18334 (1.0.0)
    package18335 (1.0.0)
    package18336 (1.0.0)
    package18337 (1.0.0)
    package18338 (1.0.0)
    package18339 (1.0.0)
    package18340 (1.0.0)
    package18341 (1.0.0)
    package18342 (1.0.0)
    package18343 (1.0.0)
    package18344 (1.0.0)
    package18345 (1.0.0)
    package18346 (1.0.0)
    package18347 (1.0.0)
    package18348 (1.0.0)
    package18349 (1.0.0)
    package18350 (1.0.0)
    package18351 (1.0.0)
    package18352 (1.0.0)
    package18353 (1.0.0)
    package18354 (1.0.0)
    package18355 (1.0.0)
    package18356 (1.0.0)
    package18357 (1.0.0)
    package18358 (1.0.0)
    package18359 (1.0.0)
    package18360 (1.0.0)
    package18361 (1.0.0)
    package18362 (1.0.0)
    package18363 (1.0.0)
    package18364 (1.0.0)
    package18365 (1.0.0)
    package18366 (1.0.0)
    package18367 (1.0.0)
    package18368 (1.0.0)
    package18369 (1.0.0)
    package18370 (1.0.0)
    package18371 (1.0.0)
    package18372 (1.0.0)
    package18373 (1.0.0)
    package18374 (1.0.0)
    package18375 (1.0.0)
    package18376 (1.0.0)
    package18377 (1.0.0)
    package18378 (1.0.0)
    package18379 (1.0.0)
    package18380 (1.0.0)
    package18381 (1.0.0)
    package18382 (1.0.0)
    package18383 (1.0.0)
    package18384 (1.0.0)
    package18385 (1.0.0)
    package18386 (1.0.0)
    package18387 (1.0.0)
    package18388 (1.0.0)
    package18389 (1.0.0)
    package18390 (1.0.0)
    package18391 (1.0.0)
    package18392 (1.0.0)
    package18393 (1.0.0)
    package18394 (1.0.0)
    package18395 (1.0.0)
    package18396 (1.0.0)
    package18397 (1.0.0)
    package18398 (1.0.0)
    package18399 (1.0.0)
    package18400 (1.0.0)
    package18401 (1.0.0)
    package18402 (1.0.0)
    package18403 (1.0.0)
    package18404 (1.0.0)
    package18405 (1.0.0)
    package18406 (1.0.0)
    package18407 (1.0.0)
    package18408 (1.0.0)
    package18409 (1.0.0)
    package18410 (1.0.0)
    package18411 (1.0.0)
    package18412 (1.0.0)
    package18413 (1.0.0)
    package18414 (1.0.0)
    package18415 (1.0.0)
    package18416 (1.0.0)
    package18417 (1.0.0)
    package18418 (1.0.0)
    package18419 (1.0.0)
    package18420 (1.0.0)
    package18421 (1.0.0)
    package18422 (1.0.0)
    package18423 (1.0.0)
    package18424 (1.0.0)
    package18425 (1.0.0)
    package18426 (1.0.0)
    package18427 (1.0.0)
    package18428 (1.0.0)
    package18429 (1.0.0)
    package18430 (1.0.0)
    package18431 (1.0.0)
    package18432 (1.0.0)
    package18433 (1.0.0)
    package18434 (1.0.0)
    package18435 (1.0.0)
    package18436 (1.0.0)
    package18437 (1.0.0)
    package18438 (1.0.0)
    package18439 (1.0.0)
    package18440 (1.0.0)
    package18441 (1.0.0)
    package18442 (1.0.0)
    package18443 (1.0.0)
    package18444 (1.0.0)
    package18445 (1.0.0)
    package18446 (1.0.0)
    package18447 (1.0.0)
    package18448 (1.0.0)
    package18449 (1.0.0)
    package18450 (1.0.0)
    package18451 (1.0.0)
    package18452 (1.0.0)
    package18453 (1.0.0)
    package18454 (1.0.0)
    package18455 (1.0.0)
    package18456 (1.0.0)
    package18457 (1.0.0)
    package18458 (1.0.0)
    package18459 (1.0.0)
    package18460 (1.0.0)
    package18461 (1.0.0)
    package18462 (1.0.0)
    package18463 (1.0.0)
    package18464 (1.0.0)
    package18465 (1.0.0)
    package18466 (1.0.0)
    package18467 (1.0.0)
    package18468 (1.0.0)
    package18469 (1.0.0)
    package18470 (1.0.0)
    package18471 (1.0.0)
    package18472 (1.0.0)
    package18473 (1.0.0)
    package18474 (1.0.0)
    package18475 (1.0.0)
    package18476 (1.0.0)
    package18477 (1.0.0)
    package18478 (1.0.0)
    package18479 (1.0.0)
    package18480 (1.0.0)
    package18481 (1.0.0)
    package18482 (1.0.0)
    package18483 (1.0.0)
    package18484 (1.0.0)
    package18485 (1.0.0)
    package18486 (1.0.0)
    package18487 (1.0.0)
    package18488 (1.0.0)
    package18489 (1.0.0)
    package18490 (1.0.0)
    package18491 (1.0.0)
    package18492 (1.0.0)
    package18493 (1.0.0)
    package18494 (1.0.0)
    package18495 (1.0.0)
    package18496 (1.0.0)
    package18497 (1.0.0)
    package18498 (1.0.0)
    package18499 (1.0.0)
    package18500 (1.0.0)
    package18501 (1.0.0)
    package18502 (1.0.0)
    package18503 (1.0.0)
    package18504 (1.0.0)
    package18505 (1.0.0)
    package18506 (1.0.0)
    package18507 (1.0.0)
    package18508 (1.0.0)
    package18509 (1.0.0)
    package18510 (1.0.0)
    package18511 (1.0.0)
    package18512 (1.0.0)
    package18513 (1.0.0)
    package18514 (1.0.0)
    package18515 (1.0.0)
    package18516 (1.0.0)
    package18517 (1.0.0)
    package18518 (1.0.0)
    package18519 (1.0.0)
    package18520 (1.0.0)
    package18521 (1.0.0)
    package18522 (1.0.0)
    package18523 (1.0.0)
    package18524 (1.0.0)
    package18525 (1.0.0)
    package18526 (1.0.0)
    package18527 (1.0.0)
    package18528 (1.0.0)
    package18529 (1.0.0)
    package18530 (1.0.0)
    package18531 (1.0.0)
    package18532 (1.0.0)
    package18533 (1.0.0)
    package18534 (1.0.0)
    package18535 (1.0.0)
    package18536 (1.0.0)
    package18537 (1.0.0)
    package18538 (1.0.0)
    package18539 (1.0.0)
    package18540 (1.0.0)
    package18541 (1.0.0)
    package18542 (1.0.0)
    package18543 (1.0.0)
    package18544 (1.0.0)
    package18545 (1.0.0)
    package18546 (1.0.0)
    package18547 (1.0.0)
    package18548 (1.0.0)
    package18549 (1.0.0)
    package18550 (1.0.0)
    package18551 (1.0.0)
    package18552 (1.0.0)
    package18553 (1.0.0)
    package18554 (1.0.0)
    package18555 (1.0.0)
    package18556 (1.0.0)
    package18557 (1.0.0)
    package18558 (1.0.0)
    package18559 (1.0.0)
    package18560 (1.0.0)
    package18561 (1.0.0)
    package18562 (1.0.0)
    package18563 (1.0.0)
    package18564 (1.0.0)
    package18565 (1.0.0)
    package18566 (1.0.0)
    package18567 (1.0.0)
    package18568 (1.0.0)
    package18569 (1.0.0)
    package18570 (1.0.0)
    package18571 (1.0.0)
    package18572 (1.0.0)
    package18573 (1.0.0)
    package18574 (1.0.0)
    package18575 (1.0.0)
    package18576 (1.0.0)
    package18577 (1.0.0)
    package18578 (1.0.0)
    package18579 (1.0.0)
    package18580 (1.0.0)
    package18581 (1.0.0)
    package18582 (1.0.0)
    package18583 (1.0.0)
    package18584 (1.0.0)
    package18585 (1.0.0)
    package18586 (1.0.0)
    package18587 (1.0.0)
    package18588 (1.0.0)
    package18589 (1.0.0)
    package18590 (1.0.0)
    package18591 (1.0.0)
    package18592 (1.0.0)
    package18593 (1.0.0)
    package18594 (1.0.0)
    package18595 (1.0.0)
    package18596 (1.0.0)
    package18597 (1.0.0)
    package18598 (1.0.0)
    package18599 (1.0.0)
    package18600 (1.0.0)
    package18601 (1.0.0)
    package18602 (1.0.0)
    package18603 (1.0.0)
    package18604 (1.0.0)
    package18605 (1.0.0)
    package18606 (1.0.0)
    package18607 (1.0.0)
    package18608 (1.0.0)
    package18609 (1.0.0)
    package18610 (1.0.0)
    package18611 (1.0.0)
    package18612 (1.0.0)
    package18613 (1.0.0)
    package18614 (1.0.0)
    package18615 (1.0.0)
    package18616 (1.0.0)
    package18617 (1.0.0)
    package18618 (1.0.0)
    package18619 (1.0.0)
    package18620 (1.0.0)
    package18621 (1.0.0)
    package18622 (1.0.0)
    package18623 (1.0.0)
    package18624 (1.0.0)
    package18625 (1.0.0)
    package18626 (1.0.0)
    package18627 (1.0.0)
    package18628 (1.0.0)
    package18629 (1.0.0)
    package18630 (1.0.0)
    package18631 (1.0.0)
    package18632 (1.0.0)
    package18633 (1.0.0)
    package18634 (1.0.0)
    package18635 (1.0.0)
    package18636 (1.0.0)
    package18637 (1.0.0)
    package18638 (1.0.0)
    package18639 (1.0.0)
    package18640 (1.0.0)
    package18641 (1.0.0)
    package18642 (1.0.0)
    package18643 (1.0.0)
    package18644 (1.0.0)
    package18645 (1.0.0)
    package18646 (1.0.0)
    package18647 (1.0.0)
    package18648 (1.0.0)
    package18649 (1.0.0)
    package18650 (1.0.0)
    package18651 (1.0.0)
    package18652 (1.0.0)
    package18653 (1.0.0)
    package18654 (1.0.0)
    package18655 (1.0.0)
    package18656 (1.0.0)
    package18657 (1.0.0)
    package18658 (1.0.0)
    package18659 (1.0.0)
    package18660 (1.0.0)
    package18661 (1.0.0)
    package18662 (1.0.0)
    package18663 (1.0.0)
    package18664 (1.0.0)
    package18665 (1.0.0)
    package18666 (1.0.0)
    package18667 (1.0.0)
    package18668 (1.0.0)
    package18669 (1.0.0)
    package18670 (1.0.0)
    package18671 (1.0.0)
    package18672 (1.0.0)
    package18673 (1.0.0)
    package18674 (1.0.0)
    package18675 (1.0.0)
    package18676 (1.0.0)
    package18677 (1.0.0)
    package18678 (1.0.0)
    package18679 (1.0.0)
    package18680 (1.0.0)
    package18681 (1.0.0)
    package18682 (1.0.0)
    package18683 (1.0.0)
    package18684 (1.0.0)
    package18685 (1.0.0)
    package18686 (1.0.0)
    package18687 (1.0.0)
    package18688 (1.0.0)
    package18689 (1.0.0)
    package18690 (1.0.0)
    package18691 (1.0.0)
    package18692 (1.0.0)
    package18693 (1.0.0)
    package18694 (1.0.0)
    package18695 (1.0.0)
    package18696 (1.0.0)
    package18697 (1.0.0)
    package18698 (1.0.0)
    package18699 (1.0.0)
    package18700 (1.0.0)
    package18701 (1.0.0)
    package18702 (1.0.0)
    package18703 (1.0.0)
    package18704 (1.0.0)
    package18705 (1.0.0)
    package18706 (1.0.0)
    package18707 (1.0.0)
    package18708 (1.0.0)
    package18709 (1.0.0)
    package18710 (1.0.0)
    package18711 (1.0.0)
    package18712 (1.0.0)
    package18713 (1.0.0)
    package18714 (1.0.0)
    package18715 (1.0.0)
    package18716 (1.0.0)
    package18717 (1.0.0)
    package18718 (1.0.0)
    package18719 (1.0.0)
    package18720 (1.0.0)
    package18721 (1.0.0)
    package18722 (1.0.0)
    package18723 (1.0.0)
    package18724 (1.0.0)
    package18725 (1.0.0)
    package18726 (1.0.0)
    package18727 (1.0.0)
    package18728 (1.0.0)
    package18729 (1.0.0)
    package18730 (1.0.0)
    package18731 (1.0.0)
    package18732 (1.0.0)
    package18733 (1.0.0)
    package18734 (1.0.0)
    package18735 (1.0.0)
    package18736 (1.0.0)
    package18737 (1.0.0)
    package18738 (1.0.0)
    package18739 (1.0.0)
    package18740 (1.0.0)
    package18741 (1.0.0)
    package18742 (1.0.0)
    package18743 (1.0.0)
    package18744 (1.0.0)
    package18745 (1.0.0)
    package18746 (1.0.0)
    package18747 (1.0.0)
    package18748 (1.0.0)
    package18749 (1.0.0)
    package18750 (1.0.0)
    package18751 (1.0.0)
    package18752 (1.0.0)
    package18753 (1.0.0)
    package18754 (1.0.0)
    package18755 (1.0.0)
    package18756 (1.0.0)
    package18757 (1.0.0)
    package18758 (1.0.0)
    package18759 (1.0.0)
    package18760 (1.0.0)
    package18761 (1.0.0)
    package18762 (1.0.0)
    package18763 (1.0.0)
    package18764 (1.0.0)
    package18765 (1.0.0)
    package18766 (1.0.0)
    package18767 (1.0.0)
    package18768 (1.0.0)
    package18769 (1.0.0)
    package18770 (1.0.0)
    package18771 (1.0.0)
    package18772 (1.0.0)
    package18773 (1.0.0)
    package18774 (1.0.0)
    package18775 (1.0.0)
    package18776 (1.0.0)
    package18777 (1.0.0)
    package18778 (1.0.0)
    package18779 (1.0.0)
    package18780 (1.0.0)
    package18781 (1.0.0)
    package18782 (1.0.0)
    package18783 (1.0.0)
    package18784 (1.0.0)
    package18785 (1.0.0)
    package18786 (1.0.0)
    package18787 (1.0.0)
    package18788 (1.0.0)
    package18789 (1.0.0)
    package18790 (1.0.0)
    package18791 (1.0.0)
    package18792 (1.0.0)
    package18793 (1.0.0)
    package18794 (1.0.0)
    package18795 (1.0.0)
    package18796 (1.0.0)
    package18797 (1.0.0)
    package18798 (1.0.0)
    package18799 (1.0.0)
    package18800 (1.0.0)
    package18801 (1.0.0)
    package18802 (1.0.0)
    package18803 (1.0.0)
    package18804 (1.0.0)
    package18805 (1.0.0)
    package18806 (1.0.0)
    package18807 (1.0.0)
    package18808 (1.0.0)
    package18809 (1.0.0)
    package18810 (1.0.0)
    package18811 (1.0.0)
    package18812 (1.0.0)
    package18813 (1.0.0)
    package18814 (1.0.0)
    package18815 (1.0.0)
    package18816 (1.0.0)
    package18817 (1.0.0)
    package18818 (1.0.0)
    package18819 (1.0.0)
    package18820 (1.0.0)
    package18821 (1.0.0)
    package18822 (1.0.0)
    package18823 (1.0.0)
    package18824 (1.0.0)
    package18825 (1.0.0)
    package18826 (1.0.0)
    package18827 (1.0.0)
    package18828 (1.0.0)
    package18829 (1.0.0)
    package18830 (1.0.0)
    package18831 (1.0.0)
    package18832 (1.0.0)
    package18833 (1.0.0)
    package18834 (1.0.0)
    package18835 (1.0.0)
    package18836 (1.0.0)
    package18837 (1.0.0)
    package18838 (1.0.0)
    package18839 (1.0.0)
    package18840 (1.0.0)
    package18841 (1.0.0)
    package18842 (1.0.0)
    package18843 (1.0.0)
    package18844 (1.0.0)
    package18845 (1.0.0)
    package18846 (1.0.0)
    package18847 (1.0.0)
    package18848 (1.0.0)
    package18849 (1.0.0)
    package18850 (1.0.0)
    package18851 (1.0.0)
    package18852 (1.0.0)
    package18853 (1.0.0)
    package18854 (1.0.0)
    package18855 (1.0.0)
    package18856 (1.0.0)
    package18857 (1.0.0)
    package18858 (1.0.0)
    package18859 (1.0.0)
    package18860 (1.0.0)
    package18861 (1.0.0)
    package18862 (1.0.0)
    package18863 (1.0.0)
    package18864 (1.0.0)
    package18865 (1.0.0)
    package18866 (1.0.0)
    package18867 (1.0.0)
    package18868 (1.0.0)
    package18869 (1.0.0)
    package18870 (1.0.0)
    package18871 (1.0.0)
    package18872 (1.0.0)
    package18873 (1.0.0)
    package18874 (1.0.0)
    package18875 (1.0.0)
    package18876 (1.0.0)
    package18877 (1.0.0)
    package18878 (1.0.0)
    package18879 (1.0.0)
    package18880 (1.0.0)
    package18881 (1.0.0)
    package18882 (1.0.0)
    package18883 (1.0.0)
    package18884 (1.0.0)
    package18885 (1.0.0)
    package18886 (1.0.0)
    package18887 (1.0.0)
    package18888 (1.0.0)
    package18889 (1.0.0)
    package18890 (1.0.0)
    package18891 (1.0.0)
    package18892 (1.0.0)
    package18893 (1.0.0)
    package18894 (1.0.0)
    package18895 (1.0.0)
    package18896 (1.0.0)
    package18897 (1.0.0)
    package18898 (1.0.0)
    package18899 (1.0.0)
    package18900 (1.0.0)
    package18901 (1.0.0)
    package18902 (1.0.0)
    package18903 (1.0.0)
    package18904 (1.0.0)
    package18905 (1.0.0)
    package18906 (1.0.0)
    package18907 (1.0.0)
    package18908 (1.0.0)
    package18909 (1.0.0)
    package18910 (1.0.0)
    package18911 (1.0.0)
    package18912 (1.0.0)
    package18913 (1.0.0)
    package18914 (1.0.0)
    package18915 (1.0.0)
    package18916 (1.0.0)
    package18917 (1.0.0)
    package18918 (1.0.0)
    package18919 (1.0.0)
    package18920 (1.0.0)
    package18921 (1.0.0)
    package18922 (1.0.0)
    package18923 (1.0.0)
    package18924 (1.0.0)
    package18925 (1.0.0)
    package18926 (1.0.0)
    package18927 (1.0.0)
    package18928 (1.0.0)
    package18929 (1.0.0)
    package18930 (1.0.0)
    package18931 (1.0.0)
    package18932 (1.0.0)
    package18933 (1.0.0)
    package18934 (1.0.0)
    package18935 (1.0.0)
    package18936 (1.0.0)
    package18937 (1.0.0)
    package18938 (1.0.0)
    package18939 (1.0.0)
    package18940 (1.0.0)
    package18941 (1.0.0)
    package18942 (1.0.0)
    package18943 (1.0.0)
    package18944 (1.0.0)
    package18945 (1.0.0)
    package18946 (1.0.0)
    package18947 (1.0.0)
    package18948 (1.0.0)
    package18949 (1.0.0)
    package18950 (1.0.0)
    package18951 (1.0.0)
    package18952 (1.0.0)
    package18953 (1.0.0)
    package18954 (1.0.0)
    package18955 (1.0.0)
    package18956 (1.0.0)
    package18957 (1.0.0)
    package18958 (1.0.0)
    package18959 (1.0.0)
    package18960 (1.0.0)
    package18961 (1.0.0)
    package18962 (1.0.0)
    package18963 (1.0.0)
    package18964 (1.0.0)
    package18965 (1.0.0)
    package18966 (1.0.0)
    package18967 (1.0.0)
    package18968 (1.0.0)
    package18969 (1.0.0)
    package18970 (1.0.0)
    package18971 (1.0.0)
    package18972 (1.0.0)
    package18973 (1.0.0)
    package18974 (1.0.0)
    package18975 (1.0.0)
    package18976 (1.0.0)
    package18977 (1.0.0)
    package18978 (1.0.0)
    package18979 (1.0.0)
    package18980 (1.0.0)
    package18981 (1.0.0)
    package18982 (1.0.0)
    package18983 (1.0.0)
    package18984 (1.0.0)
    package18985 (1.0.0)
    package18986 (1.0.0)
    package18987 (1.0.0)
    package18988 (1.0.0)
    package18989 (1.0.0)
    package18990 (1.0.0)
    package18991 (1.0.0)
    package18992 (1.0.0)
    package18993 (1.0.0)
    package18994 (1.0.0)
    package18995 (1.0.0)
    package18996 (1.0.0)
    package18997 (1.0.0)
    package18998 (1.0.0)
    package18999 (1.0.0)
    package19000 (1.0.0)
    package19001 (1.0.0)
    package19002 (1.0.0)
    package19003 (1.0.0)
    package19004 (1.0.0)
    package19005 (1.0.0)
    package19006 (1.0.0)
    package19007 (1.0.0)
    package19008 (1.0.0)
    package19009 (1.0.0)
    package19010 (1.0.0)
    package19011 (1.0.0)
    package19012 (1.0.0)
    package19013 (1.0.0)
    package19014 (1.0.0)
    package19015 (1.0.0)
    package19016 (1.0.0)
    package19017 (1.0.0)
    package19018 (1.0.0)
    package19019 (1.0.0)
    package19020 (1.0.0)
    package19021 (1.0.0)
    package19022 (1.0.0)
    package19023 (1.0.0)
    package19024 (1.0.0)
    package19025 (1.0.0)
    package19026 (1.0.0)
    package19027 (1.0.0)
    package19028 (1.0.0)
    package19029 (1.0.0)
    package19030 (1.0.0)
    package19031 (1.0.0)
    package19032 (1.0.0)
    package19033 (1.0.0)
    package19034 (1.0.0)
    package19035 (1.0.0)
    package19036 (1.0.0)
    package19037 (1.0.0)
    package19038 (1.0.0)
    package19039 (1.0.0)
    package19040 (1.0.0)
    package19041 (1.0.0)
    package19042 (1.0.0)
    package19043 (1.0.0)
    package19044 (1.0.0)
    package19045 (1.0.0)
    package19046 (1.0.0)
    package19047 (1.0.0)
    package19048 (1.0.0)
    package19049 (1.0.0)
    package19050 (1.0.0)
    package19051 (1.0.0)
    package19052 (1.0.0)
    package19053 (1.0.0)
    package19054 (1.0.0)
    package19055 (1.0.0)
    package19056 (1.0.0)
    package19057 (1.0.0)
    package19058 (1.0.0)
    package19059 (1.0.0)
    package19060 (1.0.0)
    package19061 (1.0.0)
    package19062 (1.0.0)
    package19063 (1.0.0)
    package19064 (1.0.0)
    package19065 (1.0.0)
    package19066 (1.0.0)
    package19067 (1.0.0)
    package19068 (1.0.0)
    package19069 (1.0.0)
    package19070 (1.0.0)
    package19071 (1.0.0)
    package19072 (1.0.0)
    package19073 (1.0.0)
    package19074 (1.0.0)
    package19075 (1.0.0)
    package19076 (1.0.0)
    package19077 (1.0.0)
    package19078 (1.0.0)
    package19079 (1.0.0)
    package19080 (1.0.0)
    package19081 (1.0.0)
    package19082 (1.0.0)
    package19083 (1.0.0)
    package19084 (1.0.0)
    package19085 (1.0.0)
    package19086 (1.0.0)
    package19087 (1.0.0)
    package19088 (1.0.0)
    package19089 (1.0.0)
    package19090 (1.0.0)
    package19091 (1.0.0)
    package19092 (1.0.0)
    package19093 (1.0.0)
    package19094 (1.0.0)
    package19095 (1.0.0)
    package19096 (1.0.0)
    package19097 (1.0.0)
    package19098 (1.0.0)
    package19099 (1.0.0)
    package19100 (1.0.0)
    package19101 (1.0.0)
    package19102 (1.0.0)
    package19103 (1.0.0)
    package19104 (1.0.0)
    package19105 (1.0.0)
    package19106 (1.0.0)
    package19107 (1.0.0)
    package19108 (1.0.0)
    package19109 (1.0.0)
    package19110 (1.0.0)
    package19111 (1.0.0)
    package19112 (1.0.0)
    package19113 (1.0.0)
    package19114 (1.0.0)
    package19115 (1.0.0)
    package19116 (1.0.0)
    package19117 (1.0.0)
    package19118 (1.0.0)
    package19119 (1.0.0)
    package19120 (1.0.0)
    package19121 (1.0.0)
    package19122 (1.0.0)
    package19123 (1.0.0)
    package19124 (1.0.0)
    package19125 (1.0.0)
    package19126 (1.0.0)
    package19127 (1.0.0)
    package19128 (1.0.0)
    package19129 (1.0.0)
    package19130 (1.0.0)
    package19131 (1.0.0)
    package19132 (1.0.0)
    package19133 (1.0.0)
    package19134 (1.0.0)
    package19135 (1.0.0)
    package19136 (1.0.0)
    package19137 (1.0.0)
    package19138 (1.0.0)
    package19139 (1.0.0)
    package19140 (1.0.0)
    package19141 (1.0.0)
    package19142 (1.0.0)
    package19143 (1.0.0)
    package19144 (1.0.0)
    package19145 (1.0.0)
    package19146 (1.0.0)
    package19147 (1.0.0)
    package19148 (1.0.0)
    package19149 (1.0.0)
    package19150 (1.0.0)
    package19151 (1.0.0)
    package19152 (1.0.0)
    package19153 (1.0.0)
    package19154 (1.0.0)
    package19155 (1.0.0)
    package19156 (1.0.0)
    package19157 (1.0.0)
    package19158 (1.0.0)
    package19159 (1.0.0)
    package19160 (1.0.0)
    package19161 (1.0.0)
    package19162 (1.0.0)
    package19163 (1.0.0)
    package19164 (1.0.0)
    package19165 (1.0.0)
    package19166 (1.0.0)
    package19167 (1.0.0)
    package19168 (1.0.0)
    package19169 (1.0.0)
    package19170 (1.0.0)
    package19171 (1.0.0)
    package19172 (1.0.0)
    package19173 (1.0.0)
    package19174 (1.0.0)
    package19175 (1.0.0)
    package19176 (1.0.0)
    package19177 (1.0.0)
    package19178 (1.0.0)
    package19179 (1.0.0)
    package19180 (1.0.0)
    package19181 (1.0.0)
    package19182 (1.0.0)
    package19183 (1.0.0)
    package19184 (1.0.0)
    package19185 (1.0.0)
    package19186 (1.0.0)
    package19187 (1.0.0)
    package19188 (1.0.0)
    package19189 (1.0.0)
    package19190 (1.0.0)
    package19191 (1.0.0)
    package19192 (1.0.0)
    package19193 (1.0.0)
    package19194 (1.0.0)
    package19195 (1.0.0)
    package19196 (1.0.0)
    package19197 (1.0.0)
    package19198 (1.0.0)
    package19199 (1.0.0)
    package19200 (1.0.0)
    package19201 (1.0.0)
    package19202 (1.0.0)
    package19203 (1.0.0)
    package19204 (1.0.0)
    package19205 (1.0.0)
    package19206 (1.0.0)
    package19207 (1.0.0)
    package19208 (1.0.0)
    package19209 (1.0.0)
    package19210 (1.0.0)
    package19211 (1.0.0)
    package19212 (1.0.0)
    package19213 (1.0.0)
    package19214 (1.0.0)
    package19215 (1.0.0)
    package19216 (1.0.0)
    package19217 (1.0.0)
    package19218 (1.0.0)
    package19219 (1.0.0)
    package19220 (1.0.0)
    package19221 (1.0.0)
    package19222 (1.0.0)
    package19223 (1.0.0)
    package19224 (1.0.0)
    package19225 (1.0.0)
    package19226 (1.0.0)
    package19227 (1.0.0)
    package19228 (1.0.0)
    package19229 (1.0.0)
    package19230 (1.0.0)
    package19231 (1.0.0)
    package19232 (1.0.0)
    package19233 (1.0.0)
    package19234 (1.0.0)
    package19235 (1.0.0)
    package19236 (1.0.0)
    package19237 (1.0.0)
    package19238 (1.0.0)
    package19239 (1.0.0)
    package19240 (1.0.0)
    package19241 (1.0.0)
    package19242 (1.0.0)
    package19243 (1.0.0)
    package19244 (1.0.0)
    package19245 (1.0.0)
    package19246 (1.0.0)
    package19247 (1.0.0)
    package19248 (1.0.0)
    package19249 (1.0.0)
    package19250 (1.0.0)
    package19251 (1.0.0)
    package19252 (1.0.0)
    package19253 (1.0.0)
    package19254 (1.0.0)
    package19255 (1.0.0)
    package19256 (1.0.0)
    package19257 (1.0.0)
    package19258 (1.0.0)
    package19259 (1.0.0)
    package19260 (1.0.0)
    package19261 (1.0.0)
    package19262 (1.0.0)
    package19263 (1.0.0)
    package19264 (1.0.0)
    package19265 (1.0.0)
    package19266 (1.0.0)
    package19267 (1.0.0)
    package19268 (1.0.0)
    package19269 (1.0.0)
    package19270 (1.0.0)
    package19271 (1.0.0)
    package19272 (1.0.0)
    package19273 (1.0.0)
    package19274 (1.0.0)
    package19275 (1.0.0)
    package19276 (1.0.0)
    package19277 (1.0.0)
    package19278 (1.0.0)
    package19279 (1.0.0)
    package19280 (1.0.0)
    package19281 (1.0.0)
    package19282 (1.0.0)
    package19283 (1.0.0)
    package19284 (1.0.0)
    package19285 (1.0.0)
    package19286 (1.0.0)
    package19287 (1.0.0)
    package19288 (1.0.0)
    package19289 (1.0.0)
    package19290 (1.0.0)
    package19291 (1.0.0)
    package19292 (1.0.0)
    package19293 (1.0.0)
    package19294 (1.0.0)
    package19295 (1.0.0)
    package19296 (1.0.0)
    package19297 (1.0.0)
    package19298 (1.0.0)
    package19299 (1.0.0)
    package19300 (1.0.0)
    package19301 (1.0.0)
    package19302 (1.0.0)
    package19303 (1.0.0)
    package19304 (1.0.0)
    package19305 (1.0.0)
    package19306 (1.0.0)
    package19307 (1.0.0)
    package19308 (1.0.0)
    package19309 (1.0.0)
    package19310 (1.0.0)
    package19311 (1.0.0)
    package19312 (1.0.0)
    package19313 (1.0.0)
    package19314 (1.0.0)
    package19315 (1.0.0)
    package19316 (1.0.0)
    package19317 (1.0.0)
    package19318 (1.0.0)
    package19319 (1.0.0)
    package19320 (1.0.0)
    package19321 (1.0.0)
    package19322 (1.0.0)
    package19323 (1.0.0)
    package19324 (1.0.0)
    package19325 (1.0.0)
    package19326 (1.0.0)
    package19327 (1.0.0)
    package19328 (1.0.0)
    package19329 (1.0.0)
    package19330 (1.0.0)
    package19331 (1.0.0)
    package19332 (1.0.0)
    package19333 (1.0.0)
    package19334 (1.0.0)
    package19335 (1.0.0)
    package19336 (1.0.0)
    package19337 (1.0.0)
    package19338 (1.0.0)
    package19339 (1.0.0)
    package19340 (1.0.0)
    package19341 (1.0.0)
    package19342 (1.0.0)
    package19343 (1.0.0)
    package19344 (1.0.0)
    package19345 (1.0.0)
    package19346 (1.0.0)
    package19347 (1.0.0)
    package19348 (1.0.0)
    package19349 (1.0.0)
    package19350 (1.0.0)
    package19351 (1.0.0)
    package19352 (1.0.0)
    package19353 (1.0.0)
    package19354 (1.0.0)
    package19355 (1.0.0)
    package19356 (1.0.0)
    package19357 (1.0.0)
    package19358 (1.0.0)
    package19359 (1.0.0)
    package19360 (1.0.0)
    package19361 (1.0.0)
    package19362 (1.0.0)
    package19363 (1.0.0)
    package19364 (1.0.0)
    package19365 (1.0.0)
    package19366 (1.0.0)
    package19367 (1.0.0)
    package19368 (1.0.0)
    package19369 (1.0.0)
    package19370 (1.0.0)
    package19371 (1.0.0)
    package19372 (1.0.0)
    package19373 (1.0.0)
    package19374 (1.0.0)
    package19375 (1.0.0)
    package19376 (1.0.0)
    package19377 (1.0.0)
    package19378 (1.0.0)
    package19379 (1.0.0)
    package19380 (1.0.0)
    package19381 (1.0.0)
    package19382 (1.0.0)
    package19383 (1.0.0)
    package19384 (1.0.0)
    package19385 (1.0.0)
    package19386 (1.0.0)
    package19387 (1.0.0)
    package19388 (1.0.0)
    package19389 (1.0.0)
    package19390 (1.0.0)
    package19391 (1.0.0)
    package19392 (1.0.0)
    package19393 (1.0.0)
    package19394 (1.0.0)
    package19395 (1.0.0)
    package19396 (1.0.0)
    package19397 (1.0.0)
    package19398 (1.0.0)
    package19399 (1.0.0)
    package19400 (1.0.0)
    package19401 (1.0.0)
    package19402 (1.0.0)
    package19403 (1.0.0)
    package19404 (1.0.0)
    package19405 (1.0.0)
    package19406 (1.0.0)
    package19407 (1.0.0)
    package19408 (1.0.0)
    package19409 (1.0.0)
    package19410 (1.0.0)
    package19411 (1.0.0)
    package19412 (1.0.0)
    package19413 (1.0.0)
    package19414 (1.0.0)
    package19415 (1.0.0)
    package19416 (1.0.0)
    package19417 (1.0.0)
    package19418 (1.0.0)
    package19419 (1.0.0)
    package19420 (1.0.0)
    package19421 (1.0.0)
    package19422 (1.0.0)
    package19423 (1.0.0)
    package19424 (1.0.0)
    package19425 (1.0.0)
    package19426 (1.0.0)
    package19427 (1.0.0)
    package19428 (1.0.0)
    package19429 (1.0.0)
    package19430 (1.0.0)
    package19431 (1.0.0)
    package19432 (1.0.0)
    package19433 (1.0.0)
    package19434 (1.0.0)
    package19435 (1.0.0)
    package19436 (1.0.0)
    package19437 (1.0.0)
    package19438 (1.0.0)
    package19439 (1.0.0)
    package19440 (1.0.0)
    package19441 (1.0.0)
    package19442 (1.0.0)
    package19443 (1.0.0)
    package19444 (1.0.0)
    package19445 (1.0.0)
    package19446 (1.0.0)
    package19447 (1.0.0)
    package19448 (1.0.0)
    package19449 (1.0.0)
    package19450 (1.0.0)
    package19451 (1.0.0)
    package19452 (1.0.0)
    package19453 (1.0.0)
    package19454 (1.0.0)
    package19455 (1.0.0)
    package19456 (1.0.0)
    package19457 (1.0.0)
    package19458 (1.0.0)
    package19459 (1.0.0)
    package19460 (1.0.0)
    package19461 (1.0.0)
    package19462 (1.0.0)
    package19463 (1.0.0)
    package19464 (1.0.0)
    package19465 (1.0.0)
    package19466 (1.0.0)
    package19467 (1.0.0)
    package19468 (1.0.0)
    package19469 (1.0.0)
    package19470 (1.0.0)
    package19471 (1.0.0)
    package19472 (1.0.0)
    package19473 (1.0.0)
    package19474 (1.0.0)
    package19475 (1.0.0)
    package19476 (1.0.0)
    package19477 (1.0.0)
    package19478 (1.0.0)
    package19479 (1.0.0)
    package19480 (1.0.0)
    package19481 (1.0.0)
    package19482 (1.0.0)
    package19483 (1.0.0)
    package19484 (1.0.0)
    package19485 (1.0.0)
    package19486 (1.0.0)
    package19487 (1.0.0)
    package19488 (1.0.0)
    package19489 (1.0.0)
    package19490 (1.0.0)
    package19491 (1.0.0)
    package19492 (1.0.0)
    package19493 (1.0.0)
    package19494 (1.0.0)
    package19495 (1.0.0)
    package19496 (1.0.0)
    package19497 (1.0.0)
    package19498 (1.0.0)
    package19499 (1.0.0)
    package19500 (1.0.0)
    package19501 (1.0.0)
    package19502 (1.0.0)
    package19503 (1.0.0)
    package19504 (1.0.0)
    package19505 (1.0.0)
    package19506 (1.0.0)
    package19507 (1.0.0)
    package19508 (1.0.0)
    package19509 (1.0.0)
    package19510 (1.0.0)
    package19511 (1.0.0)
    package19512 (1.0.0)
    package19513 (1.0.0)
    package19514 (1.0.0)
    package19515 (1.0.0)
    package19516 (1.0.0)
    package19517 (1.0.0)
    package19518 (1.0.0)
    package19519 (1.0.0)
    package19520 (1.0.0)
    package19521 (1.0.0)
    package19522 (1.0.0)
    package19523 (1.0.0)
    package19524 (1.0.0)
    package19525 (1.0.0)
    package19526 (1.0.0)
    package19527 (1.0.0)
    package19528 (1.0.0)
    package19529 (1.0.0)
    package19530 (1.0.0)
    package19531 (1.0.0)
    package19532 (1.0.0)
    package19533 (1.0.0)
    package19534 (1.0.0)
    package19535 (1.0.0)
    package19536 (1.0.0)
    package19537 (1.0.0)
    package19538 (1.0.0)
    package19539 (1.0.0)
    package19540 (1.0.0)
    package19541 (1.0.0)
    package19542 (1.0.0)
    package19543 (1.0.0)
    package19544 (1.0.0)
    package19545 (1.0.0)
    package19546 (1.0.0)
    package19547 (1.0.0)
    package19548 (1.0.0)
    package19549 (1.0.0)
    package19550 (1.0.0)
    package19551 (1.0.0)
    package19552 (1.0.0)
    package19553 (1.0.0)
    package19554 (1.0.0)
    package19555 (1.0.0)
    package19556 (1.0.0)
    package19557 (1.0.0)
    package19558 (1.0.0)
    package19559 (1.0.0)
    package19560 (1.0.0)
    package19561 (1.0.0)
    package19562 (1.0.0)
    package19563 (1.0.0)
    package19564 (1.0.0)
    package19565 (1.0.0)
    package19566 (1.0.0)
    package19567 (1.0.0)
    package19568 (1.0.0)
    package19569 (1.0.0)
    package19570 (1.0.0)
    package19571 (1.0.0)
    package19572 (1.0.0)
    package19573 (1.0.0)
    package19574 (1.0.0)
    package19575 (1.0.0)
    package19576 (1.0.0)
    package19577 (1.0.0)
    package19578 (1.0.0)
    package19579 (1.0.0)
    package19580 (1.0.0)
    package19581 (1.0.0)
    package19582 (1.0.0)
    package19583 (1.0.0)
    package19584 (1.0.0)
    package19585 (1.0.0)
    package19586 (1.0.0)
    package19587 (1.0.0)
    package19588 (1.0.0)
    package19589 (1.0.0)
    package19590 (1.0.0)
    package19591 (1.0.0)
    package19592 (1.0.0)
    package19593 (1.0.0)
    package19594 (1.0.0)
    package19595 (1.0.0)
    package19596 (1.0.0)
    package19597 (1.0.0)
    package19598 (1.0.0)
    package19599 (1.0.0)
    package19600 (1.0.0)
    package19601 (1.0.0)
    package19602 (1.0.0)
    package19603 (1.0.0)
    package19604 (1.0.0)
    package19605 (1.0.0)
    package19606 (1.0.0)
    package19607 (1.0.0)
    package19608 (1.0.0)
    package19609 (1.0.0)
    package19610 (1.0.0)
    package19611 (1.0.0)
    package19612 (1.0.0)
    package19613 (1.0.0)
    package19614 (1.0.0)
    package19615 (1.0.0)
    package19616 (1.0.0)
    package19617 (1.0.0)
    package19618 (1.0.0)
    package19619 (1.0.0)
    package19620 (1.0.0)
    package19621 (1.0.0)
    package19622 (1.0.0)
    package19623 (1.0.0)
    package19624 (1.0.0)
    package19625 (1.0.0)
    package19626 (1.0.0)
    package19627 (1.0.0)
    package19628 (1.0.0)
    package19629 (1.0.0)
    package19630 (1.0.0)
    package19631 (1.0.0)
    package19632 (1.0.0)
    package19633 (1.0.0)
    package19634 (1.0.0)
    package19635 (1.0.0)
    package19636 (1.0.0)
    package19637 (1.0.0)
    package19638 (1.0.0)
    package19639 (1.0.0)
    package19640 (1.0.0)
    package19641 (1.0.0)
    package19642 (1.0.0)
    package19643 (1.0.0)
    package19644 (1.0.0)
    package19645 (1.0.0)
    package19646 (1.0.0)
    package19647 (1.0.0)
    package19648 (1.0.0)
    package19649 (1.0.0)
    package19650 (1.0.0)
    package19651 (1.0.0)
    package19652 (1.0.0)
    package19653 (1.0.0)
    package19654 (1.0.0)
    package19655 (1.0.0)
    package19656 (1.0.0)
    package19657 (1.0.0)
    package19658 (1.0.0)
    package19659 (1.0.0)
    package19660 (1.0.0)
    package19661 (1.0.0)
    package19662 (1.0.0)
    package19663 (1.0.0)
    package19664 (1.0.0)
    package19665 (1.0.0)
    package19666 (1.0.0)
    package19667 (1.0.0)
    package19668 (1.0.0)
    package19669 (1.0.0)
    package19670 (1.0.0)
    package19671 (1.0.0)
    package19672 (1.0.0)
    package19673 (1.0.0)
    package19674 (1.0.0)
    package19675 (1.0.0)
    package19676 (1.0.0)
    package19677 (1.0.0)
    package19678 (1.0.0)
    package19679 (1.0.0)
    package19680 (1.0.0)
    package19681 (1.0.0)
    package19682 (1.0.0)
    package19683 (1.0.0)
    package19684 (1.0.0)
    package19685 (1.0.0)
    package19686 (1.0.0)
    package19687 (1.0.0)
    package19688 (1.0.0)
    package19689 (1.0.0)
    package19690 (1.0.0)
    package19691 (1.0.0)
    package19692 (1.0.0)
    package19693 (1.0.0)
    package19694 (1.0.0)
    package19695 (1.0.0)
    package19696 (1.0.0)
    package19697 (1.0.0)
    package19698 (1.0.0)
    package19699 (1.0.0)
    package19700 (1.0.0)
    package19701 (1.0.0)
    package19702 (1.0.0)
    package19703 (1.0.0)
    package19704 (1.0.0)
    package19705 (1.0.0)
    package19706 (1.0.0)
    package19707 (1.0.0)
    package19708 (1.0.0)
    package19709 (1.0.0)
    package19710 (1.0.0)
    package19711 (1.0.0)
    package19712 (1.0.0)
    package19713 (1.0.0)
    package19714 (1.0.0)
    package19715 (1.0.0)
    package19716 (1.0.0)
    package19717 (1.0.0)
    package19718 (1.0.0)
    package19719 (1.0.0)
    package19720 (1.0.0)
    package19721 (1.0.0)
    package19722 (1.0.0)
    package19723 (1.0.0)
    package19724 (1.0.0)
    package19725 (1.0.0)
    package19726 (1.0.0)
    package19727 (1.0.0)
    package19728 (1.0.0)
    package19729 (1.0.0)
    package19730 (1.0.0)
    package19731 (1.0.0)
    package19732 (1.0.0)
    package19733 (1.0.0)
    package19734 (1.0.0)
    package19735 (1.0.0)
    package19736 (1.0.0)
    package19737 (1.0.0)
    package19738 (1.0.0)
    package19739 (1.0.0)
    package19740 (1.0.0)
    package19741 (1.0.0)
    package19742 (1.0.0)
    package19743 (1.0.0)
    package19744 (1.0.0)
    package19745 (1.0.0)
    package19746 (1.0.0)
    package19747 (1.0.0)
    package19748 (1.0.0)
    package19749 (1.0.0)
    package19750 (1.0.0)
    package19751 (1.0.0)
    package19752 (1.0.0)
    package19753 (1.0.0)
    package19754 (1.0.0)
    package19755 (1.0.0)
    package19756 (1.0.0)
    package19757 (1.0.0)
    package19758 (1.0.0)
    package19759 (1.0.0)
    package19760 (1.0.0)
    package19761 (1.0.0)
    package19762 (1.0.0)
    package19763 (1.0.0)
    package19764 (1.0.0)
    package19765 (1.0.0)
    package19766 (1.0.0)
    package19767 (1.0.0)
    package19768 (1.0.0)
    package19769 (1.0.0)
    package19770 (1.0.0)
    package19771 (1.0.0)
    package19772 (1.0.0)
    package19773 (1.0.0)
    package19774 (1.0.0)
    package19775 (1.0.0)
    package19776 (1.0.0)
    package19777 (1.0.0)
    package19778 (1.0.0)
    package19779 (1.0.0)
    package19780 (1.0.0)
    package19781 (1.0.0)
    package19782 (1.0.0)
    package19783 (1.0.0)
    package19784 (1.0.0)
    package19785 (1.0.0)
    package19786 (1.0.0)
    package19787 (1.0.0)
    package19788 (1.0.0)
    package19789 (1.0.0)
    package19790 (1.0.0)
    package19791 (1.0.0)
    package19792 (1.0.0)
    package19793 (1.0.0)
    package19794 (1.0.0)
    package19795 (1.0.0)
    package19796 (1.0.0)
    package19797 (1.0.0)
    package19798 (1.0.0)
    package19799 (1.0.0)
    package19800 (1.0.0)
    package19801 (1.0.0)
    package19802 (1.0.0)
    package19803 (1.0.0)
    package19804 (1.0.0)
    package19805 (1.0.0)
    package19806 (1.0.0)
    package19807 (1.0.0)
    package19808 (1.0.0)
    package19809 (1.0.0)
    package19810 (1.0.0)
    package19811 (1.0.0)
    package19812 (1.0.0)
    package19813 (1.0.0)
    package19814 (1.0.0)
    package19815 (1.0.0)
    package19816 (1.0.0)
    package19817 (1.0.0)
    package19818 (1.0.0)
    package19819 (1.0.0)
    package19820 (1.0.0)
    package19821 (1.0.0)
    package19822 (1.0.0)
    package19823 (1.0.0)
    package19824 (1.0.0)
    package19825 (1.0.0)
    package19826 (1.0.0)
    package19827 (1.0.0)
    package19828 (1.0.0)
    package19829 (1.0.0)
    package19830 (1.0.0)
    package19831 (1.0.0)
    package19832 (1.0.0)
    package19833 (1.0.0)
    package19834 (1.0.0)
    package19835 (1.0.0)
    package19836 (1.0.0)
    package19837 (1.0.0)
    package19838 (1.0.0)
    package19839 (1.0.0)
    package19840 (1.0.0)
    package19841 (1.0.0)
    package19842 (1.0.0)
    package19843 (1.0.0)
    package19844 (1.0.0)
    package19845 (1.0.0)
    package19846 (1.0.0)
    package19847 (1.0.0)
    package19848 (1.0.0)
    package19849 (1.0.0)
    package19850 (1.0.0)
    package19851 (1.0.0)
    package19852 (1.0.0)
    package19853 (1.0.0)
    package19854 (1.0.0)
    package19855 (1.0.0)
    package19856 (1.0.0)
    package19857 (1.0.0)
    package19858 (1.0.0)
    package19859 (1.0.0)
    package19860 (1.0.0)
    package19861 (1.0.0)
    package19862 (1.0.0)
    package19863 (1.0.0)
    package19864 (1.0.0)
    package19865 (1.0.0)
    package19866 (1.0.0)
    package19867 (1.0.0)
    package19868 (1.0.0)
    package19869 (1.0.0)
    package19870 (1.0.0)
    package19871 (1.0.0)
    package19872 (1.0.0)
    package19873 (1.0.0)
    package19874 (1.0.0)
    package19875 (1.0.0)
    package19876 (1.0.0)
    package19877 (1.0.0)
    package19878 (1.0.0)
    package19879 (1.0.0)
    package19880 (1.0.0)
    package19881 (1.0.0)
    package19882 (1.0.0)
    package19883 (1.0.0)
    package19884 (1.0.0)
    package19885 (1.0.0)
    package19886 (1.0.0)
    package19887 (1.0.0)
    package19888 (1.0.0)
    package19889 (1.0.0)
    package19890 (1.0.0)
    package19891 (1.0.0)
    package19892 (1.0.0)
    package19893 (1.0.0)
    package19894 (1.0.0)
    package19895 (1.0.0)
    package19896 (1.0.0)
    package19897 (1.0.0)
    package19898 (1.0.0)
    package19899 (1.0.0)
    package19900 (1.0.0)
    package19901 (1.0.0)
    package19902 (1.0.0)
    package19903 (1.0.0)
    package19904 (1.0.0)
    package19905 (1.0.0)
    package19906 (1.0.0)
    package19907 (1.0.0)
    package19908 (1.0.0)
    package19909 (1.0.0)
    package19910 (1.0.0)
    package19911 (1.0.0)
    package19912 (1.0.0)
    package19913 (1.0.0)
    package19914 (1.0.0)
    package19915 (1.0.0)
    package19916 (1.0.0)
    package19917 (1.0.0)
    package19918 (1.0.0)
    package19919 (1.0.0)
    package19920 (1.0.0)
    package19921 (1.0.0)
    package19922 (1.0.0)
    package19923 (1.0.0)
    package19924 (1.0.0)
    package19925 (1.0.0)
    package19926 (1.0.0)
    package19927 (1.0.0)
    package19928 (1.0.0)
    package19929 (1.0.0)
    package19930 (1.0.0)
    package19931 (1.0.0)
    package19932 (1.0.0)
    package19933 (1.0.0)
    package19934 (1.0.0)
    package19935 (1.0.0)
    package19936 (1.0.0)
    package19937 (1.0.0)
    package19938 (1.0.0)
    package19939 (1.0.0)
    package19940 (1.0.0)
    package19941 (1.0.0)
    package19942 (1.0.0)
    package19943 (1.0.0)
    package19944 (1.0.0)
    package19945 (1.0.0)
    package19946 (1.0.0)
    package19947 (1.0.0)
    package19948 (1.0.0)
    package19949 (1.0.0)
    package19950 (1.0.0)
    package19951 (1.0.0)
    package19952 (1.0.0)
    package19953 (1.0.0)
    package19954 (1.0.0)
    package19955 (1.0.0)
    package19956 (1.0.0)
    package19957 (1.0.0)
    package19958 (1.0.0)
    package19959 (1.0.0)
    package19960 (1.0.0)
    package19961 (1.0.0)
    package19962 (1.0.0)
    package19963 (1.0.0)
    package19964 (1.0.0)
    package19965 (1.0.0)
    package19966 (1.0.0)
    package19967 (1.0.0)
    package19968 (1.0.0)
    package19969 (1.0.0)
    package19970 (1.0.0)
    package19971 (1.0.0)
    package19972 (1.0.0)
    package19973 (1.0.0)
    package19974 (1.0.0)
    package19975 (1.0.0)
    package19976 (1.0.0)
    package19977 (1.0.0)
    package19978 (1.0.0)
    package19979 (1.0.0)
    package19980 (1.0.0)
    package19981 (1.0.0)
    package19982 (1.0.0)
    package19983 (1.0.0)
    package19984 (1.0.0)
    package19985 (1.0.0)
    package19986 (1.0.0)
    package19987 (1.0.0)
    package19988 (1.0.0)
    package19989 (1.0.0)
    package19990 (1.0.0)
    package19991 (1.0.0)
    package19992 (1.0.0)
    package19993 (1.0.0)
    package19994 (1.0.0)
    package19995 (1.0.0)
    package19996 (1.0.0)
    package19997 (1.0.0)
    package19998 (1.0.0)
    package19999 (1.0.0)
    package20000 (1.0.0)
    package20001 (1.0.0)
    package20002 (1.0.0)
    package20003 (1.0.0)
    package20004 (1.0.0)
    package20005 (1.0.0)
    package20006 (1.0.0)
    package20007 (1.0.0)
    package20008 (1.0.0)
    package20009 (1.0.0)
    package20010 (1.0.0)
    package20011 (1.0.0)
    package20012 (1.0.0)
    package20013 (1.0.0)
    package20014 (1.0.0)
    package20015 (1.0.0)
    package20016 (1.0.0)
    package20017 (1.0.0)
    package20018 (1.0.0)
    package20019 (1.0.0)
    package20020 (1.0.0)
    package20021 (1.0.0)
    package20022 (1.0.0)
    package20023 (1.0.0)
    package20024 (1.0.0)
    package20025 (1.0.0)
    package20026 (1.0.0)
    package20027 (1.0.0)
    package20028 (1.0.0)
    package20029 (1.0.0)
    package20030 (1.0.0)
    package20031 (1.0.0)
    package20032 (1.0.0)
    package20033 (1.0.0)
    package20034 (1.0.0)
    package20035 (1.0.0)
    package20036 (1.0.0)
    package20037 (1.0.0)
    package20038 (1.0.0)
    package20039 (1.0.0)
    package20040 (1.0.0)
    package20041 (1.0.0)
    package20042 (1.0.0)
    package20043 (1.0.0)
    package20044 (1.0.0)
    package20045 (1.0.0)
    package20046 (1.0.0)
    package20047 (1.0.0)
    package20048 (1.0.0)
    package20049 (1.0.0)
    package20050 (1.0.0)
    package20051 (1.0.0)
    package20052 (1.0.0)
    package20053 (1.0.0)
    package20054 (1.0.0)
    package20055 (1.0.0)
    package20056 (1.0.0)
    package20057 (1.0.0)
    package20058 (1.0.0)
    package20059 (1.0.0)
    package20060 (1.0.0)
    package20061 (1.0.0)
    package20062 (1.0.0)
    package20063 (1.0.0)
    package20064 (1.0.0)
    package20065 (1.0.0)
    package20066 (1.0.0)
    package20067 (1.0.0)
    package20068 (1.0.0)
    package20069 (1.0.0)
    package20070 (1.0.0)
    package20071 (1.0.0)
    package20072 (1.0.0)
    package20073 (1.0.0)
    package20074 (1.0.0)
    package20075 (1.0.0)
    package20076 (1.0.0)
    package20077 (1.0.0)
    package20078 (1.0.0)
    package20079 (1.0.0)
    package20080 (1.0.0)
    package20081 (1.0.0)
    package20082 (1.0.0)
    package20083 (1.0.0)
    package20084 (1.0.0)
    package20085 (1.0.0)
    package20086 (1.0.0)
    package20087 (1.0.0)
    package20088 (1.0.0)
    package20089 (1.0.0)
    package20090 (1.0.0)
    package20091 (1.0.0)
    package20092 (1.0.0)
    package20093 (1.0.0)
    package20094 (1.0.0)
    package20095 (1.0.0)
    package20096 (1.0.0)
    package20097 (1.0.0)
    package20098 (1.0.0)
    package20099 (1.0.0)
    package20100 (1.0.0)
    package20101 (1.0.0)
    package20102 (1.0.0)
    package20103 (1.0.0)
    package20104 (1.0.0)
    package20105 (1.0.0)
    package20106 (1.0.0)
    package20107 (1.0.0)
    package20108 (1.0.0)
    package20109 (1.0.0)
    package20110 (1.0.0)
    package20111 (1.0.0)
    package20112 (1.0.0)
    package20113 (1.0.0)
    package20114 (1.0.0)
    package20115 (1.0.0)
    package20116 (1.0.0)
    package20117 (1.0.0)
    package20118 (1.0.0)
    package20119 (1.0.0)
    package20120 (1.0.0)
    package20121 (1.0.0)
    package20122 (1.0.0)
    package20123 (1.0.0)
    package20124 (1.0.0)
    package20125 (1.0.0)
    package20126 (1.0.0)
    package20127 (1.0.0)
    package20128 (1.0.0)
    package20129 (1.0.0)
    package20130 (1.0.0)
    package20131 (1.0.0)
    package20132 (1.0.0)
    package20133 (1.0.0)
    package20134 (1.0.0)
    package20135 (1.0.0)
    package20136 (1.0.0)
    package20137 (1.0.0)
    package20138 (1.0.0)
    package20139 (1.0.0)
    package20140 (1.0.0)
    package20141 (1.0.0)
    package20142 (1.0.0)
    package20143 (1.0.0)
    package20144 (1.0.0)
    package20145 (1.0.0)
    package20146 (1.0.0)
    package20147 (1.0.0)
    package20148 (1.0.0)
    package20149 (1.0.0)
    package20150 (1.0.0)
    package20151 (1.0.0)
    package20152 (1.0.0)
    package20153 (1.0.0)
    package20154 (1.0.0)
    package20155 (1.0.0)
    package20156 (1.0.0)
    package20157 (1.0.0)
    package20158 (1.0.0)
    package20159 (1.0.0)
    package20160 (1.0.0)
    package20161 (1.0.0)
    package20162 (1.0.0)
    package20163 (1.0.0)
    package20164 (1.0.0)
    package20165 (1.0.0)
    package20166 (1.0.0)
    package20167 (1.0.0)
    package20168 (1.0.0)
    package20169 (1.0.0)
    package20170 (1.0.0)
    package20171 (1.0.0)
    package20172 (1.0.0)
    package20173 (1.0.0)
    package20174 (1.0.0)
    package20175 (1.0.0)
    package20176 (1.0.0)
    package20177 (1.0.0)
    package20178 (1.0.0)
    package20179 (1.0.0)
    package20180 (1.0.0)
    package20181 (1.0.0)
    package20182 (1.0.0)
    package20183 (1.0.0)
    package20184 (1.0.0)
    package20185 (1.0.0)
    package20186 (1.0.0)
    package20187 (1.0.0)
    package20188 (1.0.0)
    package20189 (1.0.0)
    package20190 (1.0.0)
    package20191 (1.0.0)
    package20192 (1.0.0)
    package20193 (1.0.0)
    package20194 (1.0.0)
    package20195 (1.0.0)
    package20196 (1.0.0)
    package20197 (1.0.0)
    package20198 (1.0.0)
    package20199 (1.0.0)
    package20200 (1.0.0)
    package20201 (1.0.0)
    package20202 (1.0.0)
    package20203 (1.0.0)
    package20204 (1.0.0)
    package20205 (1.0.0)
    package20206 (1.0.0)
    package20207 (1.0.0)
    package20208 (1.0.0)
    package20209 (1.0.0)
    package20210 (1.0.0)
    package20211 (1.0.0)
    package20212 (1.0.0)
    package20213 (1.0.0)
    package20214 (1.0.0)
    package20215 (1.0.0)
    package20216 (1.0.0)
    package20217 (1.0.0)
    package20218 (1.0.0)
    package20219 (1.0.0)
    package20220 (1.0.0)
    package20221 (1.0.0)
    package20222 (1.0.0)
    package20223 (1.0.0)
    package20224 (1.0.0)
    package20225 (1.0.0)
    package20226 (1.0.0)
    package20227 (1.0.0)
    package20228 (1.0.0)
    package20229 (1.0.0)
    package20230 (1.0.0)
    package20231 (1.0.0)
    package20232 (1.0.0)
    package20233 (1.0.0)
    package20234 (1.0.0)
    package20235 (1.0.0)
    package20236 (1.0.0)
    package20237 (1.0.0)
    package20238 (1.0.0)
    package20239 (1.0.0)
    package20240 (1.0.0)
    package20241 (1.0.0)
    package20242 (1.0.0)
    package20243 (1.0.0)
    package20244 (1.0.0)
    package20245 (1.0.0)
    package20246 (1.0.0)
    package20247 (1.0.0)
    package20248 (1.0.0)
    package20249 (1.0.0)
    package20250 (1.0.0)
    package20251 (1.0.0)
    package20252 (1.0.0)
    package20253 (1.0.0)
    package20254 (1.0.0)
    package20255 (1.0.0)
    package20256 (1.0.0)
    package20257 (1.0.0)
    package20258 (1.0.0)
    package20259 (1.0.0)
    package20260 (1.0.0)
    package20261 (1.0.0)
    package20262 (1.0.0)
    package20263 (1.0.0)
    package20264 (1.0.0)
    package20265 (1.0.0)
    package20266 (1.0.0)
    package20267 (1.0.0)
    package20268 (1.0.0)
    package20269 (1.0.0)
    package20270 (1.0.0)
    package20271 (1.0.0)
    package20272 (1.0.0)
    package20273 (1.0.0)
    package20274 (1.0.0)
    package20275 (1.0.0)
    package20276 (1.0.0)
    package20277 (1.0.0)
    package20278 (1.0.0)
    package20279 (1.0.0)
    package20280 (1.0.0)
    package20281 (1.0.0)
    package20282 (1.0.0)
    package20283 (1.0.0)
    package20284 (1.0.0)
    package20285 (1.0.0)
    package20286 (1.0.0)
    package20287 (1.0.0)
    package20288 (1.0.0)
    package20289 (1.0.0)
    package20290 (1.0.0)
    package20291 (1.0.0)
    package20292 (1.0.0)
    package20293 (1.0.0)
    package20294 (1.0.0)
    package20295 (1.0.0)
    package20296 (1.0.0)
    package20297 (1.0.0)
    package20298 (1.0.0)
    package20299 (1.0.0)
    package20300 (1.0.0)
    package20301 (1.0.0)
    package20302 (1.0.0)
    package20303 (1.0.0)
    package20304 (1.0.0)
    package20305 (1.0.0)
    package20306 (1.0.0)
    package20307 (1.0.0)
    package20308 (1.0.0)
    package20309 (1.0.0)
    package20310 (1.0.0)
    package20311 (1.0.0)
    package20312 (1.0.0)
    package20313 (1.0.0)
    package20314 (1.0.0)
    package20315 (1.0.0)
    package20316 (1.0.0)
    package20317 (1.0.0)
    package20318 (1.0.0)
    package20319 (1.0.0)
    package20320 (1.0.0)
    package20321 (1.0.0)
    package20322 (1.0.0)
    package20323 (1.0.0)
    package20324 (1.0.0)
    package20325 (1.0.0)
    package20326 (1.0.0)
    package20327 (1.0.0)
    package20328 (1.0.0)
    package20329 (1.0.0)
    package20330 (1.0.0)
    package20331 (1.0.0)
    package20332 (1.0.0)
    package20333 (1.0.0)
    package20334 (1.0.0)
    package20335 (1.0.0)
    package20336 (1.0.0)
    package20337 (1.0.0)
    package20338 (1.0.0)
    package20339 (1.0.0)
    package20340 (1.0.0)
    package20341 (1.0.0)
    package20342 (1.0.0)
    package20343 (1.0.0)
    package20344 (1.0.0)
    package20345 (1.0.0)
    package20346 (1.0.0)
    package20347 (1.0.0)
    package20348 (1.0.0)
    package20349 (1.0.0)
    package20350 (1.0.0)
    package20351 (1.0.0)
    package20352 (1.0.0)
    package20353 (1.0.0)
    package20354 (1.0.0)
    package20355 (1.0.0)
    package20356 (1.0.0)
    package20357 (1.0.0)
    package20358 (1.0.0)
    package20359 (1.0.0)
    package20360 (1.0.0)
    package20361 (1.0.0)
    package20362 (1.0.0)
    package20363 (1.0.0)
    package20364 (1.0.0)
    package20365 (1.0.0)
    package20366 (1.0.0)
    package20367 (1.0.0)
    package20368 (1.0.0)
    package20369 (1.0.0)
    package20370 (1.0.0)
    package20371 (1.0.0)
    package20372 (1.0.0)
    package20373 (1.0.0)
    package20374 (1.0.0)
    package20375 (1.0.0)
    package20376 (1.0.0)
    package20377 (1.0.0)
    package20378 (1.0.0)
    package20379 (1.0.0)
    package20380 (1.0.0)
    package20381 (1.0.0)
    package20382 (1.0.0)
    package20383 (1.0.0)
    package20384 (1.0.0)
    package20385 (1.0.0)
    package20386 (1.0.0)
    package20387 (1.0.0)
    package20388 (1.0.0)
    package20389 (1.0.0)
    package20390 (1.0.0)
    package20391 (1.0.0)
    package20392 (1.0.0)
    package20393 (1.0.0)
    package20394 (1.0.0)
    package20395 (1.0.0)
    package20396 (1.0.0)
    package20397 (1.0.0)
    package20398 (1.0.0)
    package20399 (1.0.0)
    package20400 (1.0.0)
    package20401 (1.0.0)
    package20402 (1.0.0)
    package20403 (1.0.0)
    package20404 (1.0.0)
    package20405 (1.0.0)
    package20406 (1.0.0)
    package20407 (1.0.0)
    package20408 (1.0.0)
    package20409 (1.0.0)
    package20410 (1.0.0)
    package20411 (1.0.0)
    package20412 (1.0.0)
    package20413 (1.0.0)
    package20414 (1.0.0)
    package20415 (1.0.0)
    package20416 (1.0.0)
    package20417 (1.0.0)
    package20418 (1.0.0)
    package20419 (1.0.0)
    package20420 (1.0.0)
    package20421 (1.0.0)
    package20422 (1.0.0)
    package20423 (1.0.0)
    package20424 (1.0.0)
    package20425 (1.0.0)
    package20426 (1.0.0)
    package20427 (1.0.0)
    package20428 (1.0.0)
    package20429 (1.0.0)
    package20430 (1.0.0)
    package20431 (1.0.0)
    package20432 (1.0.0)
    package20433 (1.0.0)
    package20434 (1.0.0)
    package20435 (1.0.0)
    package20436 (1.0.0)
    package20437 (1.0.0)
    package20438 (1.0.0)
    package20439 (1.0.0)
    package20440 (1.0.0)
    package20441 (1.0.0)
    package20442 (1.0.0)
    package20443 (1.0.0)
    package20444 (1.0.0)
    package20445 (1.0.0)
    package20446 (1.0.0)
    package20447 (1.0.0)
    package20448 (1.0.0)
    package20449 (1.0.0)
    package20450 (1.0.0)
    package20451 (1.0.0)
    package20452 (1.0.0)
    package20453 (1.0.0)
    package20454 (1.0.0)
    package20455 (1.0.0)
    package20456 (1.0.0)
    package20457 (1.0.0)
    package20458 (1.0.0)
    package20459 (1.0.0)
    package20460 (1.0.0)
    package20461 (1.0.0)
    package20462 (1.0.0)
    package20463 (1.0.0)
    package20464 (1.0.0)
    package20465 (1.0.0)
    package20466 (1.0.0)
    package20467 (1.0.0)
    package20468 (1.0.0)
    package20469 (1.0.0)
    package20470 (1.0.0)
    package20471 (1.0.0)
    package20472 (1.0.0)
    package20473 (1.0.0)
    package20474 (1.0.0)
    package20475 (1.0.0)
    package20476 (1.0.0)
    package20477 (1.0.0)
    package20478 (1.0.0)
    package20479 (1.0.0)
    package20480 (1.0.0)
    package20481 (1.0.0)
    package20482 (1.0.0)
    package20483 (1.0.0)
    package20484 (1.0.0)
    package20485 (1.0.0)
    package20486 (1.0.0)
    package20487 (1.0.0)
    package20488 (1.0.0)
    package20489 (1.0.0)
    package20490 (1.0.0)
    package20491 (1.0.0)
    package20492 (1.0.0)
    package20493 (1.0.0)
    package20494 (1.0.0)
    package20495 (1.0.0)
    package20496 (1.0.0)
    package20497 (1.0.0)
    package20498 (1.0.0)
    package20499 (1.0.0)
    package20500 (1.0.0)
    package20501 (1.0.0)
    package20502 (1.0.0)
    package20503 (1.0.0)
    package20504 (1.0.0)
    package20505 (1.0.0)
    package20506 (1.0.0)
    package20507 (1.0.0)
    package20508 (1.0.0)
    package20509 (1.0.0)
    package20510 (1.0.0)
    package20511 (1.0.0)
    package20512 (1.0.0)
    package20513 (1.0.0)
    package20514 (1.0.0)
    package20515 (1.0.0)
    package20516 (1.0.0)
    package20517 (1.0.0)
    package20518 (1.0.0)
    package20519 (1.0.0)
    package20520 (1.0.0)
    package20521 (1.0.0)
    package20522 (1.0.0)
    package20523 (1.0.0)
    package20524 (1.0.0)
    package20525 (1.0.0)
    package20526 (1.0.0)
    package20527 (1.0.0)
    package20528 (1.0.0)
    package20529 (1.0.0)
    package20530 (1.0.0)
    package20531 (1.0.0)
    package20532 (1.0.0)
    package20533 (1.0.0)
    package20534 (1.0.0)
    package20535 (1.0.0)
    package20536 (1.0.0)
    package20537 (1.0.0)
    package20538 (1.0.0)
    package20539 (1.0.0)
    package20540 (1.0.0)
    package20541 (1.0.0)
    package20542 (1.0.0)
    package20543 (1.0.0)
    package20544 (1.0.0)
    package20545 (1.0.0)
    package20546 (1.0.0)
    package20547 (1.0.0)
    package20548 (1.0.0)
    package20549 (1.0.0)
    package20550 (1.0.0)
    package20551 (1.0.0)
    package20552 (1.0.0)
    package20553 (1.0.0)
    package20554 (1.0.0)
    package20555 (1.0.0)
    package20556 (1.0.0)
    package20557 (1.0.0)
    package20558 (1.0.0)
    package20559 (1.0.0)
    package20560 (1.0.0)
    package20561 (1.0.0)
    package20562 (1.0.0)
    package20563 (1.0.0)
    package20564 (1.0.0)
    package20565 (1.0.0)
    package20566 (1.0.0)
    package20567 (1.0.0)
    package20568 (1.0.0)
    package20569 (1.0.0)
    package20570 (1.0.0)
    package20571 (1.0.0)
    package20572 (1.0.0)
    package20573 (1.0.0)
    package20574 (1.0.0)
    package20575 (1.0.0)
    package20576 (1.0.0)
    package20577 (1.0.0)
    package20578 (1.0.0)
    package20579 (1.0.0)
    package20580 (1.0.0)
    package20581 (1.0.0)
    package20582 (1.0.0)
    package20583 (1.0.0)
    package20584 (1.0.0)
    package20585 (1.0.0)
    package20586 (1.0.0)
    package20587 (1.0.0)
    package20588 (1.0.0)
    package20589 (1.0.0)
    package20590 (1.0.0)
    package20591 (1.0.0)
    package20592 (1.0.0)
    package20593 (1.0.0)
    package20594 (1.0.0)
    package20595 (1.0.0)
    package20596 (1.0.0)
    package20597 (1.0.0)
    package20598 (1.0.0)
    package20599 (1.0.0)
    package20600 (1.0.0)
    package20601 (1.0.0)
    package20602 (1.0.0)
    package20603 (1.0.0)
    package20604 (1.0.0)
    package20605 (1.0.0)
    package20606 (1.0.0)
    package20607 (1.0.0)
    package20608 (1.0.0)
    package20609 (1.0.0)
    package20610 (1.0.0)
    package20611 (1.0.0)
    package20612 (1.0.0)
    package20613 (1.0.0)
    package20614 (1.0.0)
    package20615 (1.0.0)
    package20616 (1.0.0)
    package20617 (1.0.0)
    package20618 (1.0.0)
    package20619 (1.0.0)
    package20620 (1.0.0)
    package20621 (1.0.0)
    package20622 (1.0.0)
    package20623 (1.0.0)
    package20624 (1.0.0)
    package20625 (1.0.0)
    package20626 (1.0.0)
    package20627 (1.0.0)
    package20628 (1.0.0)
    package20629 (1.0.0)
    package20630 (1.0.0)
    package20631 (1.0.0)
    package20632 (1.0.0)
    package20633 (1.0.0)
    package20634 (1.0.0)
    package20635 (1.0.0)
    package20636 (1.0.0)
    package20637 (1.0.0)
    package20638 (1.0.0)
    package20639 (1.0.0)
    package20640 (1.0.0)
    package20641 (1.0.0)
    package20642 (1.0.0)
    package20643 (1.0.0)
    package20644 (1.0.0)
    package20645 (1.0.0)
    package20646 (1.0.0)
    package20647 (1.0.0)
    package20648 (1.0.0)
    package20649 (1.0.0)
    package20650 (1.0.0)
    package20651 (1.0.0)
    package20652 (1.0.0)
    package20653 (1.0.0)
    package20654 (1.0.0)
    package20655 (1.0.0)
    package20656 (1.0.0)
    package20657 (1.0.0)
    package20658 (1.0.0)
    package20659 (1.0.0)
    package20660 (1.0.0)
    package20661 (1.0.0)
    package20662 (1.0.0)
    package20663 (1.0.0)
    package20664 (1.0.0)
    package20665 (1.0.0)
    package20666 (1.0.0)
    package20667 (1.0.0)
    package20668 (1.0.0)
    package20669 (1.0.0)
    package20670 (1.0.0)
    package20671 (1.0.0)
    package20672 (1.0.0)
    package20673 (1.0.0)
    package20674 (1.0.0)
    package20675 (1.0.0)
    package20676 (1.0.0)
    package20677 (1.0.0)
    package20678 (1.0.0)
    package20679 (1.0.0)
    package20680 (1.0.0)
    package20681 (1.0.0)
    package20682 (1.0.0)
    package20683 (1.0.0)
    package20684 (1.0.0)
    package20685 (1.0.0)
    package20686 (1.0.0)
    package20687 (1.0.0)
    package20688 (1.0.0)
    package20689 (1.0.0)
    package20690 (1.0.0)
    package20691 (1.0.0)
    package20692 (1.0.0)
    package20693 (1.0.0)
    package20694 (1.0.0)
    package20695 (1.0.0)
    package20696 (1.0.0)
    package20697 (1.0.0)
    package20698 (1.0.0)
    package20699 (1.0.0)
    package20700 (1.0.0)
    package20701 (1.0.0)
    package20702 (1.0.0)
    package20703 (1.0.0)
    package20704 (1.0.0)
    package20705 (1.0.0)
    package20706 (1.0.0)
    package20707 (1.0.0)
    package20708 (1.0.0)
    package20709 (1.0.0)
    package20710 (1.0.0)
    package20711 (1.0.0)
    package20712 (1.0.0)
    package20713 (1.0.0)
    package20714 (1.0.0)
    package20715 (1.0.0)
    package20716 (1.0.0)
    package20717 (1.0.0)
    package20718 (1.0.0)
    package20719 (1.0.0)
    package20720 (1.0.0)
    package20721 (1.0.0)
    package20722 (1.0.0)
    package20723 (1.0.0)
    package20724 (1.0.0)
    package20725 (1.0.0)
    package20726 (1.0.0)
    package20727 (1.0.0)
    package20728 (1.0.0)
    package20729 (1.0.0)
    package20730 (1.0.0)
    package20731 (1.0.0)
    package20732 (1.0.0)
    package20733 (1.0.0)
    package20734 (1.0.0)
    package20735 (1.0.0)
    package20736 (1.0.0)
    package20737 (1.0.0)
    package20738 (1.0.0)
    package20739 (1.0.0)
    package20740 (1.0.0)
    package20741 (1.0.0)
    package20742 (1.0.0)
    package20743 (1.0.0)
    package20744 (1.0.0)
    package20745 (1.0.0)
    package20746 (1.0.0)
    package20747 (1.0.0)
    package20748 (1.0.0)
    package20749 (1.0.0)
    package20750 (1.0.0)
    package20751 (1.0.0)
    package20752 (1.0.0)
    package20753 (1.0.0)
    package20754 (1.0.0)
    package20755 (1.0.0)
    package20756 (1.0.0)
    package20757 (1.0.0)
    package20758 (1.0.0)
    package20759 (1.0.0)
    package20760 (1.0.0)
    package20761 (1.0.0)
    package20762 (1.0.0)
    package20763 (1.0.0)
    package20764 (1.0.0)
    package20765 (1.0.0)
    package20766 (1.0.0)
    package20767 (1.0.0)
    package20768 (1.0.0)
    package20769 (1.0.0)
    package20770 (1.0.0)
    package20771 (1.0.0)
    package20772 (1.0.0)
    package20773 (1.0.0)
    package20774 (1.0.0)
    package20775 (1.0.0)
    package20776 (1.0.0)
    package20777 (1.0.0)
    package20778 (1.0.0)
    package20779 (1.0.0)
    package20780 (1.0.0)
    package20781 (1.0.0)
    package20782 (1.0.0)
    package20783 (1.0.0)
    package20784 (1.0.0)
    package20785 (1.0.0)
    package20786 (1.0.0)
    package20787 (1.0.0)
    package20788 (1.0.0)
    package20789 (1.0.0)
    package20790 (1.0.0)
    package20791 (1.0.0)
    package20792 (1.0.0)
    package20793 (1.0.0)
    package20794 (1.0.0)
    package20795 (1.0.0)
    package20796 (1.0.0)
    package20797 (1.0.0)
    package20798 (1.0.0)
    package20799 (1.0.0)
    package20800 (1.0.0)
    package20801 (1.0.0)
    package20802 (1.0.0)
    package20803 (1.0.0)
    package20804 (1.0.0)
    package20805 (1.0.0)
    package20806 (1.0.0)
    package20807 (1.0.0)
    package20808 (1.0.0)
    package20809 (1.0.0)
    package20810 (1.0.0)
    package20811 (1.0.0)
    package20812 (1.0.0)
    package20813 (1.0.0)
    package20814 (1.0.0)
    package20815 (1.0.0)
    package20816 (1.0.0)
    package20817 (1.0.0)
    package20818 (1.0.0)
    package20819 (1.0.0)
    package20820 (1.0.0)
    package20821 (1.0.0)
    package20822 (1.0.0)
    package20823 (1.0.0)
    package20824 (1.0.0)
    package20825 (1.0.0)
    package20826 (1.0.0)
    package20827 (1.0.0)
    package20828 (1.0.0)
    package20829 (1.0.0)
    package20830 (1.0.0)
    package20831 (1.0.0)
    package20832 (1.0.0)
    package20833 (1.0.0)
    package20834 (1.0.0)
    package20835 (1.0.0)
    package20836 (1.0.0)
    package20837 (1.0.0)
    package20838 (1.0.0)
    package20839 (1.0.0)
    package20840 (1.0.0)
    package20841 (1.0.0)
    package20842 (1.0.0)
    package20843 (1.0.0)
    package20844 (1.0.0)
    package20845 (1.0.0)
    package20846 (1.0.0)
    package20847 (1.0.0)
    package20848 (1.0.0)
    package20849 (1.0.0)
    package20850 (1.0.0)
    package20851 (1.0.0)
    package20852 (1.0.0)
    package20853 (1.0.0)
    package20854 (1.0.0)
    package20855 (1.0.0)
    package20856 (1.0.0)
    package20857 (1.0.0)
    package20858 (1.0.0)
    package20859 (1.0.0)
    package20860 (1.0.0)
    package20861 (1.0.0)
    package20862 (1.0.0)
    package20863 (1.0.0)
    package20864 (1.0.0)
    package20865 (1.0.0)
    package20866 (1.0.0)
    package20867 (1.0.0)
    package20868 (1.0.0)
    package20869 (1.0.0)
    package20870 (1.0.0)
    package20871 (1.0.0)
    package20872 (1.0.0)
    package20873 (1.0.0)
    package20874 (1.0.0)
    package20875 (1.0.0)
    package20876 (1.0.0)
    package20877 (1.0.0)
    package20878 (1.0.0)
    package20879 (1.0.0)
    package20880 (1.0.0)
    package20881 (1.0.0)
    package20882 (1.0.0)
    package20883 (1.0.0)
    package20884 (1.0.0)
    package20885 (1.0.0)
    package20886 (1.0.0)
    package20887 (1.0.0)
    package20888 (1.0.0)
    package20889 (1.0.0)
    package20890 (1.0.0)
    package20891 (1.0.0)
    package20892 (1.0.0)
    package20893 (1.0.0)
    package20894 (1.0.0)
    package20895 (1.0.0)
    package20896 (1.0.0)
    package20897 (1.0.0)
    package20898 (1.0.0)
    package20899 (1.0.0)
    package20900 (1.0.0)
    package20901 (1.0.0)
    package20902 (1.0.0)
    package20903 (1.0.0)
    package20904 (1.0.0)
    package20905 (1.0.0)
    package20906 (1.0.0)
    package20907 (1.0.0)
    package20908 (1.0.0)
    package20909 (1.0.0)
    package20910 (1.0.0)
    package20911 (1.0.0)
    package20912 (1.0.0)
    package20913 (1.0.0)
    package20914 (1.0.0)
    package20915 (1.0.0)
    package20916 (1.0.0)
    package20917 (1.0.0)
    package20918 (1.0.0)
    package20919 (1.0.0)
    package20920 (1.0.0)
    package20921 (1.0.0)
    package20922 (1.0.0)
    package20923 (1.0.0)
    package20924 (1.0.0)
    package20925 (1.0.0)
    package20926 (1.0.0)
    package20927 (1.0.0)
    package20928 (1.0.0)
    package20929 (1.0.0)
    package20930 (1.0.0)
    package20931 (1.0.0)
    package20932 (1.0.0)
    package20933 (1.0.0)
    package20934 (1.0.0)
    package20935 (1.0.0)
    package20936 (1.0.0)
    package20937 (1.0.0)
    package20938 (1.0.0)
    package20939 (1.0.0)
    package20940 (1.0.0)
    package20941 (1.0.0)
    package20942 (1.0.0)
    package20943 (1.0.0)
    package20944 (1.0.0)
    package20945 (1.0.0)
    package20946 (1.0.0)
    package20947 (1.0.0)
    package20948 (1.0.0)
    package20949 (1.0.0)
    package20950 (1.0.0)
    package20951 (1.0.0)
    package20952 (1.0.0)
    package20953 (1.0.0)
    package20954 (1.0.0)
    package20955 (1.0.0)
    package20956 (1.0.0)
    package20957 (1.0.0)
    package20958 (1.0.0)
    package20959 (1.0.0)
    package20960 (1.0.0)
    package20961 (1.0.0)
    package20962 (1.0.0)
    package20963 (1.0.0)
    package20964 (1.0.0)
    package20965 (1.0.0)
    package20966 (1.0.0)
    package20967 (1.0.0)
    package20968 (1.0.0)
    package20969 (1.0.0)
    package20970 (1.0.0)
    package20971 (1.0.0)
    package20972 (1.0.0)
    package20973 (1.0.0)
    package20974 (1.0.0)
    package20975 (1.0.0)
    package20976 (1.0.0)
    package20977 (1.0.0)
    package20978 (1.0.0)
    package20979 (1.0.0)
    package20980 (1.0.0)
    package20981 (1.0.0)
    package20982 (1.0.0)
    package20983 (1.0.0)
    package20984 (1.0.0)
    package20985 (1.0.0)
    package20986 (1.0.0)
    package20987 (1.0.0)
    package20988 (1.0.0)
    package20989 (1.0.0)
    package20990 (1.0.0)
    package20991 (1.0.0)
    package20992 (1.0.0)
    package20993 (1.0.0)
    package20994 (1.0.0)
    package20995 (1.0.0)
    package20996 (1.0.0)
    package20997 (1.0.0)
    package20998 (1.0.0)
    package20999 (1.0.0)
    package21000 (1.0.0)
    package21001 (1.0.0)
    package21002 (1.0.0)
    package21003 (1.0.0)
    package21004 (1.0.0)
    package21005 (1.0.0)
    package21006 (1.0.0)
    package21007 (1.0.0)
    package21008 (1.0.0)
    package21009 (1.0.0)
    package21010 (1.0.0)
    package21011 (1.0.0)
    package21012 (1.0.0)
    package21013 (1.0.0)
    package21014 (1.0.0)
    package21015 (1.0.0)
    package21016 (1.0.0)
    package21017 (1.0.0)
    package21018 (1.0.0)
    package21019 (1.0.0)
    package21020 (1.0.0)
    package21021 (1.0.0)
    package21022 (1.0.0)
    package21023 (1.0.0)
    package21024 (1.0.0)
    package21025 (1.0.0)
    package21026 (1.0.0)
    package21027 (1.0.0)
    package21028 (1.0.0)
    package21029 (1.0.0)
    package21030 (1.0.0)
    package21031 (1.0.0)
    package21032 (1.0.0)
    package21033 (1.0.0)
    package21034 (1.0.0)
    package21035 (1.0.0)
    package21036 (1.0.0)
    package21037 (1.0.0)
    package21038 (1.0.0)
    package21039 (1.0.0)
    package21040 (1.0.0)
    package21041 (1.0.0)
    package21042 (1.0.0)
    package21043 (1.0.0)
    package21044 (1.0.0)
    package21045 (1.0.0)
    package21046 (1.0.0)
    package21047 (1.0.0)
    package21048 (1.0.0)
    package21049 (1.0.0)
    package21050 (1.0.0)
    package21051 (1.0.0)
    package21052 (1.0.0)
    package21053 (1.0.0)
    package21054 (1.0.0)
    package21055 (1.0.0)
    package21056 (1.0.0)
    package21057 (1.0.0)
    package21058 (1.0.0)
    package21059 (1.0.0)
    package21060 (1.0.0)
    package21061 (1.0.0)
    package21062 (1.0.0)
    package21063 (1.0.0)
    package21064 (1.0.0)
    package21065 (1.0.0)
    package21066 (1.0.0)
    package21067 (1.0.0)
    package21068 (1.0.0)
    package21069 (1.0.0)
    package21070 (1.0.0)
    package21071 (1.0.0)
    package21072 (1.0.0)
    package21073 (1.0.0)
    package21074 (1.0.0)
    package21075 (1.0.0)
    package21076 (1.0.0)
    package21077 (1.0.0)
    package21078 (1.0.0)
    package21079 (1.0.0)
    package21080 (1.0.0)
    package21081 (1.0.0)
    package21082 (1.0.0)
    package21083 (1.0.0)
    package21084 (1.0.0)
    package21085 (1.0.0)
    package21086 (1.0.0)
    package21087 (1.0.0)
    package21088 (1.0.0)
    package21089 (1.0.0)
    package21090 (1.0.0)
    package21091 (1.0.0)
    package21092 (1.0.0)
    package21093 (1.0.0)
    package21094 (1.0.0)
    package21095 (1.0.0)
    package21096 (1.0.0)
    package21097 (1.0.0)
    package21098 (1.0.0)
    package21099 (1.0.0)
    package21100 (1.0.0)
    package21101 (1.0.0)
    package21102 (1.0.0)
    package21103 (1.0.0)
    package21104 (1.0.0)
    package21105 (1.0.0)
    package21106 (1.0.0)
    package21107 (1.0.0)
    package21108 (1.0.0)
    package21109 (1.0.0)
    package21110 (1.0.0)
    package21111 (1.0.0)
    package21112 (1.0.0)
    package21113 (1.0.0)
    package21114 (1.0.0)
    package21115 (1.0.0)
    package21116 (1.0.0)
    package21117 (1.0.0)
    package21118 (1.0.0)
    package21119 (1.0.0)
    package21120 (1.0.0)
    package21121 (1.0.0)
    package21122 (1.0.0)
    package21123 (1.0.0)
    package21124 (1.0.0)
    package21125 (1.0.0)
    package21126 (1.0.0)
    package21127 (1.0.0)
    package21128 (1.0.0)
    package21129 (1.0.0)
    package21130 (1.0.0)
    package21131 (1.0.0)
    package21132 (1.0.0)
    package21133 (1.0.0)
    package21134 (1.0.0)
    package21135 (1.0.0)
    package21136 (1.0.0)
    package21137 (1.0.0)
    package21138 (1.0.0)
    package21139 (1.0.0)
    package21140 (1.0.0)
    package21141 (1.0.0)
    package21142 (1.0.0)
    package21143 (1.0.0)
    package21144 (1.0.0)
    package21145 (1.0.0)
    package21146 (1.0.0)
    package21147 (1.0.0)
    package21148 (1.0.0)
    package21149 (1.0.0)
    package21150 (1.0.0)
    package21151 (1.0.0)
    package21152 (1.0.0)
    package21153 (1.0.0)
    package21154 (1.0.0)
    package21155 (1.0.0)
    package21156 (1.0.0)
    package21157 (1.0.0)
    package21158 (1.0.0)
    package21159 (1.0.0)
    package21160 (1.0.0)
    package21161 (1.0.0)
    package21162 (1.0.0)
    package21163 (1.0.0)
    package21164 (1.0.0)
    package21165 (1.0.0)
    package21166 (1.0.0)
    package21167 (1.0.0)
    package21168 (1.0.0)
    package21169 (1.0.0)
    package21170 (1.0.0)
    package21171 (1.0.0)
    package21172 (1.0.0)
    package21173 (1.0.0)
    package21174 (1.0.0)
    package21175 (1.0.0)
    package21176 (1.0.0)
    package21177 (1.0.0)
    package21178 (1.0.0)
    package21179 (1.0.0)
    package21180 (1.0.0)
    package21181 (1.0.0)
    package21182 (1.0.0)
    package21183 (1.0.0)
    package21184 (1.0.0)
    package21185 (1.0.0)
    package21186 (1.0.0)
    package21187 (1.0.0)
    package21188 (1.0.0)
    package21189 (1.0.0)
    package21190 (1.0.0)
    package21191 (1.0.0)
    package21192 (1.0.0)
    package21193 (1.0.0)
    package21194 (1.0.0)
    package21195 (1.0.0)
    package21196 (1.0.0)
    package21197 (1.0.0)
    package21198 (1.0.0)
    package21199 (1.0.0)
    package21200 (1.0.0)
    package21201 (1.0.0)
    package21202 (1.0.0)
    package21203 (1.0.0)
    package21204 (1.0.0)
    package21205 (1.0.0)
    package21206 (1.0.0)
    package21207 (1.0.0)
    package21208 (1.0.0)
    package21209 (1.0.0)
    package21210 (1.0.0)
    package21211 (1.0.0)
    package21212 (1.0.0)
    package21213 (1.0.0)
    package21214 (1.0.0)
    package21215 (1.0.0)
    package21216 (1.0.0)
    package21217 (1.0.0)
    package21218 (1.0.0)
    package21219 (1.0.0)
    package21220 (1.0.0)
    package21221 (1.0.0)
    package21222 (1.0.0)
    package21223 (1.0.0)
    package21224 (1.0.0)
    package21225 (1.0.0)
    package21226 (1.0.0)
    package21227 (1.0.0)
    package21228 (1.0.0)
    package21229 (1.0.0)
    package21230 (1.0.0)
    package21231 (1.0.0)
    package21232 (1.0.0)
    package21233 (1.0.0)
    package21234 (1.0.0)
    package21235 (1.0.0)
    package21236 (1.0.0)
    package21237 (1.0.0)
    package21238 (1.0.0)
    package21239 (1.0.0)
    package21240 (1.0.0)
    package21241 (1.0.0)
    package21242 (1.0.0)
    package21243 (1.0.0)
    package21244 (1.0.0)
    package21245 (1.0.0)
    package21246 (1.0.0)
    package21247 (1.0.0)
    package21248 (1.0.0)
    package21249 (1.0.0)
    package21250 (1.0.0)
    package21251 (1.0.0)
    package21252 (1.0.0)
    package21253 (1.0.0)
    package21254 (1.0.0)
    package21255 (1.0.0)
    package21256 (1.0.0)
    package21257 (1.0.0)
    package21258 (1.0.0)
    package21259 (1.0.0)
    package21260 (1.0.0)
    package21261 (1.0.0)
    package21262 (1.0.0)
    package21263 (1.0.0)
    package21264 (1.0.0)
    package21265 (1.0.0)
    package21266 (1.0.0)
    package21267 (1.0.0)
    package21268 (1.0.0)
    package21269 (1.0.0)
    package21270 (1.0.0)
    package21271 (1.0.0)
    package21272 (1.0.0)
    package21273 (1.0.0)
    package21274 (1.0.0)
    package21275 (1.0.0)
    package21276 (1.0.0)
    package21277 (1.0.0)
    package21278 (1.0.0)
    package21279 (1.0.0)
    package21280 (1.0.0)
    package21281 (1.0.0)
    package21282 (1.0.0)
    package21283 (1.0.0)
    package21284 (1.0.0)
    package21285 (1.0.0)
    package21286 (1.0.0)
    package21287 (1.0.0)
    package21288 (1.0.0)
    package21289 (1.0.0)
    package21290 (1.0.0)
    package21291 (1.0.0)
    package21292 (1.0.0)
    package21293 (1.0.0)
    package21294 (1.0.0)
    package21295 (1.0.0)
    package21296 (1.0.0)
    package21297 (1.0.0)
    package21298 (1.0.0)
    package21299 (1.0.0)
    package21300 (1.0.0)
    package21301 (1.0.0)
    package21302 (1.0.0)
    package21303 (1.0.0)
    package21304 (1.0.0)
    package21305 (1.0.0)
    package21306 (1.0.0)
    package21307 (1.0.0)
    package21308 (1.0.0)
    package21309 (1.0.0)
    package21310 (1.0.0)
    package21311 (1.0.0)
    package21312 (1.0.0)
    package21313 (1.0.0)
    package21314 (1.0.0)
    package21315 (1.0.0)
    package21316 (1.0.0)
    package21317 (1.0.0)
    package21318 (1.0.0)
    package21319 (1.0.0)
    package21320 (1.0.0)
    package21321 (1.0.0)
    package21322 (1.0.0)
    package21323 (1.0.0)
    package21324 (1.0.0)
    package21325 (1.0.0)
    package21326 (1.0.0)
    package21327 (1.0.0)
    package21328 (1.0.0)
    package21329 (1.0.0)
    package21330 (1.0.0)
    package21331 (1.0.0)
    package21332 (1.0.0)
    package21333 (1.0.0)
    package21334 (1.0.0)
    package21335 (1.0.0)
    package21336 (1.0.0)
    package21337 (1.0.0)
    package21338 (1.0.0)
    package21339 (1.0.0)
    package21340 (1.0.0)
    package21341 (1.0.0)
    package21342 (1.0.0)
    package21343 (1.0.0)
    package21344 (1.0.0)
    package21345 (1.0.0)
    package21346 (1.0.0)
    package21347 (1.0.0)
    package21348 (1.0.0)
    package21349 (1.0.0)
    package21350 (1.0.0)
    package21351 (1.0.0)
    package21352 (1.0.0)
    package21353 (1.0.0)
    package21354 (1.0.0)
    package21355 (1.0.0)
    package21356 (1.0.0)
    package21357 (1.0.0)
    package21358 (1.0.0)
    package21359 (1.0.0)
    package21360 (1.0.0)
    package21361 (1.0.0)
    package21362 (1.0.0)
    package21363 (1.0.0)
    package21364 (1.0.0)
    package21365 (1.0.0)
    package21366 (1.0.0)
    package21367 (1.0.0)
    package21368 (1.0.0)
    package21369 (1.0.0)
    package21370 (1.0.0)
    package21371 (1.0.0)
    package21372 (1.0.0)
    package21373 (1.0.0)
    package21374 (1.0.0)
    package21375 (1.0.0)
    package21376 (1.0.0)
    package21377 (1.0.0)
    package21378 (1.0.0)
    package21379 (1.0.0)
    package21380 (1.0.0)
    package21381 (1.0.0)
    package21382 (1.0.0)
    package21383 (1.0.0)
    package21384 (1.0.0)
    package21385 (1.0.0)
    package21386 (1.0.0)
    package21387 (1.0.0)
    package21388 (1.0.0)
    package21389 (1.0.0)
    package21390 (1.0.0)
    package21391 (1.0.0)
    package21392 (1.0.0)
    package21393 (1.0.0)
    package21394 (1.0.0)
    package21395 (1.0.0)
    package21396 (1.0.0)
    package21397 (1.0.0)
    package21398 (1.0.0)
    package21399 (1.0.0)
    package21400 (1.0.0)
    package21401 (1.0.0)
    package21402 (1.0.0)
    package21403 (1.0.0)
    package21404 (1.0.0)
    package21405 (1.0.0)
    package21406 (1.0.0)
    package21407 (1.0.0)
    package21408 (1.0.0)
    package21409 (1.0.0)
    package21410 (1.0.0)
    package21411 (1.0.0)
    package21412 (1.0.0)
    package21413 (1.0.0)
    package21414 (1.0.0)
    package21415 (1.0.0)
    package21416 (1.0.0)
    package21417 (1.0.0)
    package21418 (1.0.0)
    package21419 (1.0.0)
    package21420 (1.0.0)
    package21421 (1.0.0)
    package21422 (1.0.0)
    package21423 (1.0.0)
    package21424 (1.0.0)
    package21425 (1.0.0)
    package21426 (1.0.0)
    package21427 (1.0.0)
    package21428 (1.0.0)
    package21429 (1.0.0)
    package21430 (1.0.0)
    package21431 (1.0.0)
    package21432 (1.0.0)
    package21433 (1.0.0)
    package21434 (1.0.0)
    package21435 (1.0.0)
    package21436 (1.0.0)
    package21437 (1.0.0)
    package21438 (1.0.0)
    package21439 (1.0.0)
    package21440 (1.0.0)
    package21441 (1.0.0)
    package21442 (1.0.0)
    package21443 (1.0.0)
    package21444 (1.0.0)
    package21445 (1.0.0)
    package21446 (1.0.0)
    package21447 (1.0.0)
    package21448 (1.0.0)
    package21449 (1.0.0)
    package21450 (1.0.0)
    package21451 (1.0.0)
    package21452 (1.0.0)
    package21453 (1.0.0)
    package21454 (1.0.0)
    package21455 (1.0.0)
    package21456 (1.0.0)
    package21457 (1.0.0)
    package21458 (1.0.0)
    package21459 (1.0.0)
    package21460 (1.0.0)
    package21461 (1.0.0)
    package21462 (1.0.0)
    package21463 (1.0.0)
    package21464 (1.0.0)
    package21465 (1.0.0)
    package21466 (1.0.0)
    package21467 (1.0.0)
    package21468 (1.0.0)
    package21469 (1.0.0)
    package21470 (1.0.0)
    package21471 (1.0.0)
    package21472 (1.0.0)
    package21473 (1.0.0)
    package21474 (1.0.0)
    package21475 (1.0.0)
    package21476 (1.0.0)
    package21477 (1.0.0)
    package21478 (1.0.0)
    package21479 (1.0.0)
    package21480 (1.0.0)
    package21481 (1.0.0)
    package21482 (1.0.0)
    package21483 (1.0.0)
    package21484 (1.0.0)
    package21485 (1.0.0)
    package21486 (1.0.0)
    package21487 (1.0.0)
    package21488 (1.0.0)
    package21489 (1.0.0)
    package21490 (1.0.0)
    package21491 (1.0.0)
    package21492 (1.0.0)
    package21493 (1.0.0)
    package21494 (1.0.0)
    package21495 (1.0.0)
    package21496 (1.0.0)
    package21497 (1.0.0)
    package21498 (1.0.0)
    package21499 (1.0.0)
    package21500 (1.0.0)
    package21501 (1.0.0)
    package21502 (1.0.0)
    package21503 (1.0.0)
    package21504 (1.0.0)
    package21505 (1.0.0)
    package21506 (1.0.0)
    package21507 (1.0.0)
    package21508 (1.0.0)
    package21509 (1.0.0)
    package21510 (1.0.0)
    package21511 (1.0.0)
    package21512 (1.0.0)
    package21513 (1.0.0)
    package21514 (1.0.0)
    package21515 (1.0.0)
    package21516 (1.0.0)
    package21517 (1.0.0)
    package21518 (1.0.0)
    package21519 (1.0.0)
    package21520 (1.0.0)
    package21521 (1.0.0)
    package21522 (1.0.0)
    package21523 (1.0.0)
    package21524 (1.0.0)
    package21525 (1.0.0)
    package21526 (1.0.0)
    package21527 (1.0.0)
    package21528 (1.0.0)
    package21529 (1.0.0)
    package21530 (1.0.0)
    package21531 (1.0.0)
    package21532 (1.0.0)
    package21533 (1.0.0)
    package21534 (1.0.0)
    package21535 (1.0.0)
    package21536 (1.0.0)
    package21537 (1.0.0)
    package21538 (1.0.0)
    package21539 (1.0.0)
    package21540 (1.0.0)
    package21541 (1.0.0)
    package21542 (1.0.0)
    package21543 (1.0.0)
    package21544 (1.0.0)
    package21545 (1.0.0)
    package21546 (1.0.0)
    package21547 (1.0.0)
    package21548 (1.0.0)
    package21549 (1.0.0)
    package21550 (1.0.0)
    package21551 (1.0.0)
    package21552 (1.0.0)
    package21553 (1.0.0)
    package21554 (1.0.0)
    package21555 (1.0.0)
    package21556 (1.0.0)
    package21557 (1.0.0)
    package21558 (1.0.0)
    package21559 (1.0.0)
    package21560 (1.0.0)
    package21561 (1.0.0)
    package21562 (1.0.0)
    package21563 (1.0.0)
    package21564 (1.0.0)
    package21565 (1.0.0)
    package21566 (1.0.0)
    package21567 (1.0.0)
    package21568 (1.0.0)
    package21569 (1.0.0)
    package21570 (1.0.0)
    package21571 (1.0.0)
    package21572 (1.0.0)
    package21573 (1.0.0)
    package21574 (1.0.0)
    package21575 (1.0.0)
    package21576 (1.0.0)
    package21577 (1.0.0)
    package21578 (1.0.0)
    package21579 (1.0.0)
    package21580 (1.0.0)
    package21581 (1.0.0)
    package21582 (1.0.0)
    package21583 (1.0.0)
    package21584 (1.0.0)
    package21585 (1.0.0)
    package21586 (1.0.0)
    package21587 (1.0.0)
    package21588 (1.0.0)
    package21589 (1.0.0)
    package21590 (1.0.0)
    package21591 (1.0.0)
    package21592 (1.0.0)
    package21593 (1.0.0)
    package21594 (1.0.0)
    package21595 (1.0.0)
    package21596 (1.0.0)
    package21597 (1.0.0)
    package21598 (1.0.0)
    package21599 (1.0.0)
    package21600 (1.0.0)
    package21601 (1.0.0)
    package21602 (1.0.0)
    package21603 (1.0.0)
    package21604 (1.0.0)
    package21605 (1.0.0)
    package21606 (1.0.0)
    package21607 (1.0.0)
    package21608 (1.0.0)
    package21609 (1.0.0)
    package21610 (1.0.0)
    package21611 (1.0.0)
    package21612 (1.0.0)
    package21613 (1.0.0)
    package21614 (1.0.0)
    package21615 (1.0.0)
    package21616 (1.0.0)
    package21617 (1.0.0)
    package21618 (1.0.0)
    package21619 (1.0.0)
    package21620 (1.0.0)
    package21621 (1.0.0)
    package21622 (1.0.0)
    package21623 (1.0.0)
    package21624 (1.0.0)
    package21625 (1.0.0)
    package21626 (1.0.0)
    package21627 (1.0.0)
    package21628 (1.0.0)
    package21629 (1.0.0)
    package21630 (1.0.0)
    package21631 (1.0.0)
    package21632 (1.0.0)
    package21633 (1.0.0)
    package21634 (1.0.0)
    package21635 (1.0.0)
    package21636 (1.0.0)
    package21637 (1.0.0)
    package21638 (1.0.0)
    package21639 (1.0.0)
    package21640 (1.0.0)
    package21641 (1.0.0)
    package21642 (1.0.0)
    package21643 (1.0.0)
    package21644 (1.0.0)
    package21645 (1.0.0)
    package21646 (1.0.0)
    package21647 (1.0.0)
    package21648 (1.0.0)
    package21649 (1.0.0)
    package21650 (1.0.0)
    package21651 (1.0.0)
    package21652 (1.0.0)
    package21653 (1.0.0)
    package21654 (1.0.0)
    package21655 (1.0.0)
    package21656 (1.0.0)
    package21657 (1.0.0)
    package21658 (1.0.0)
    package21659 (1.0.0)
    package21660 (1.0.0)
    package21661 (1.0.0)
    package21662 (1.0.0)
    package21663 (1.0.0)
    package21664 (1.0.0)
    package21665 (1.0.0)
    package21666 (1.0.0)
    package21667 (1.0.0)
    package21668 (1.0.0)
    package21669 (1.0.0)
    package21670 (1.0.0)
    package21671 (1.0.0)
    package21672 (1.0.0)
    package21673 (1.0.0)
    package21674 (1.0.0)
    package21675 (1.0.0)
    package21676 (1.0.0)
    package21677 (1.0.0)
    package21678 (1.0.0)
    package21679 (1.0.0)
    package21680 (1.0.0)
    package21681 (1.0.0)
    package21682 (1.0.0)
    package21683 (1.0.0)
    package21684 (1.0.0)
    package21685 (1.0.0)
    package21686 (1.0.0)
    package21687 (1.0.0)
    package21688 (1.0.0)
    package21689 (1.0.0)
    package21690 (1.0.0)
    package21691 (1.0.0)
    package21692 (1.0.0)
    package21693 (1.0.0)
    package21694 (1.0.0)
    package21695 (1.0.0)
    package21696 (1.0.0)
    package21697 (1.0.0)
    package21698 (1.0.0)
    package21699 (1.0.0)
    package21700 (1.0.0)
    package21701 (1.0.0)
    package21702 (1.0.0)
    package21703 (1.0.0)
    package21704 (1.0.0)
    package21705 (1.0.0)
    package21706 (1.0.0)
    package21707 (1.0.0)
    package21708 (1.0.0)
    package21709 (1.0.0)
    package21710 (1.0.0)
    package21711 (1.0.0)
    package21712 (1.0.0)
    package21713 (1.0.0)
    package21714 (1.0.0)
    package21715 (1.0.0)
    package21716 (1.0.0)
    package21717 (1.0.0)
    package21718 (1.0.0)
    package21719 (1.0.0)
    package21720 (1.0.0)
    package21721 (1.0.0)
    package21722 (1.0.0)
    package21723 (1.0.0)
    package21724 (1.0.0)
    package21725 (1.0.0)
    package21726 (1.0.0)
    package21727 (1.0.0)
    package21728 (1.0.0)
    package21729 (1.0.0)
    package21730 (1.0.0)
    package21731 (1.0.0)
    package21732 (1.0.0)
    package21733 (1.0.0)
    package21734 (1.0.0)
    package21735 (1.0.0)
    package21736 (1.0.0)
    package21737 (1.0.0)
    package21738 (1.0.0)
    package21739 (1.0.0)
    package21740 (1.0.0)
    package21741 (1.0.0)
    package21742 (1.0.0)
    package21743 (1.0.0)
    package21744 (1.0.0)
    package21745 (1.0.0)
    package21746 (1.0.0)
    package21747 (1.0.0)
    package21748 (1.0.0)
    package21749 (1.0.0)
    package21750 (1.0.0)
    package21751 (1.0.0)
    package21752 (1.0.0)
    package21753 (1.0.0)
    package21754 (1.0.0)
    package21755 (1.0.0)
    package21756 (1.0.0)
    package21757 (1.0.0)
    package21758 (1.0.0)
    package21759 (1.0.0)
    package21760 (1.0.0)
    package21761 (1.0.0)
    package21762 (1.0.0)
    package21763 (1.0.0)
    package21764 (1.0.0)
    package21765 (1.0.0)
    package21766 (1.0.0)
    package21767 (1.0.0)
    package21768 (1.0.0)
    package21769 (1.0.0)
    package21770 (1.0.0)
    package21771 (1.0.0)
    package21772 (1.0.0)
    package21773 (1.0.0)
    package21774 (1.0.0)
    package21775 (1.0.0)
    package21776 (1.0.0)
    package21777 (1.0.0)
    package21778 (1.0.0)
    package21779 (1.0.0)
    package21780 (1.0.0)
    package21781 (1.0.0)
    package21782 (1.0.0)
    package21783 (1.0.0)
    package21784 (1.0.0)
    package21785 (1.0.0)
    package21786 (1.0.0)
    package21787 (1.0.0)
    package21788 (1.0.0)
    package21789 (1.0.0)
    package21790 (1.0.0)
    package21791 (1.0.0)
    package21792 (1.0.0)
    package21793 (1.0.0)
    package21794 (1.0.0)
    package21795 (1.0.0)
    package21796 (1.0.0)
    package21797 (1.0.0)
    package21798 (1.0.0)
    package21799 (1.0.0)
    package21800 (1.0.0)
    package21801 (1.0.0)
    package21802 (1.0.0)
    package21803 (1.0.0)
    package21804 (1.0.0)
    package21805 (1.0.0)
    package21806 (1.0.0)
    package21807 (1.0.0)
    package21808 (1.0.0)
    package21809 (1.0.0)
    package21810 (1.0.0)
    package21811 (1.0.0)
    package21812 (1.0.0)
    package21813 (1.0.0)
    package21814 (1.0.0)
    package21815 (1.0.0)
    package21816 (1.0.0)
    package21817 (1.0.0)
    package21818 (1.0.0)
    package21819 (1.0.0)
    package21820 (1.0.0)
    package21821 (1.0.0)
    package21822 (1.0.0)
    package21823 (1.0.0)
    package21824 (1.0.0)
    package21825 (1.0.0)
    package21826 (1.0.0)
    package21827 (1.0.0)
    package21828 (1.0.0)
    package21829 (1.0.0)
    package21830 (1.0.0)
    package21831 (1.0.0)
    package21832 (1.0.0)
    package21833 (1.0.0)
    package21834 (1.0.0)
    package21835 (1.0.0)
    package21836 (1.0.0)
    package21837 (1.0.0)
    package21838 (1.0.0)
    package21839 (1.0.0)
    package21840 (1.0.0)
    package21841 (1.0.0)
    package21842 (1.0.0)
    package21843 (1.0.0)
    package21844 (1.0.0)
    package21845 (1.0.0)
    package21846 (1.0.0)
    package21847 (1.0.0)
    package21848 (1.0.0)
    package21849 (1.0.0)
    package21850 (1.0.0)
    package21851 (1.0.0)
    package21852 (1.0.0)
    package21853 (1.0.0)
    package21854 (1.0.0)
    package21855 (1.0.0)
    package21856 (1.0.0)
    package21857 (1.0.0)
    package21858 (1.0.0)
    package21859 (1.0.0)
    package21860 (1.0.0)
    package21861 (1.0.0)
    package21862 (1.0.0)
    package21863 (1.0.0)
    package21864 (1.0.0)
    package21865 (1.0.0)
    package21866 (1.0.0)
    package21867 (1.0.0)
    package21868 (1.0.0)
    package21869 (1.0.0)
    package21870 (1.0.0)
    package21871 (1.0.0)
    package21872 (1.0.0)
    package21873 (1.0.0)
    package21874 (1.0.0)
    package21875 (1.0.0)
    package21876 (1.0.0)
    package21877 (1.0.0)
    package21878 (1.0.0)
    package21879 (1.0.0)
    package21880 (1.0.0)
    package21881 (1.0.0)
    package21882 (1.0.0)
    package21883 (1.0.0)
    package21884 (1.0.0)
    package21885 (1.0.0)
    package21886 (1.0.0)
    package21887 (1.0.0)
    package21888 (1.0.0)
    package21889 (1.0.0)
    package21890 (1.0.0)
    package21891 (1.0.0)
    package21892 (1.0.0)
    package21893 (1.0.0)
    package21894 (1.0.0)
    package21895 (1.0.0)
    package21896 (1.0.0)
    package21897 (1.0.0)
    package21898 (1.0.0)
    package21899 (1.0.0)
    package21900 (1.0.0)
    package21901 (1.0.0)
    package21902 (1.0.0)
    package21903 (1.0.0)
    package21904 (1.0.0)
    package21905 (1.0.0)
    package21906 (1.0.0)
    package21907 (1.0.0)
    package21908 (1.0.0)
    package21909 (1.0.0)
    package21910 (1.0.0)
    package21911 (1.0.0)
    package21912 (1.0.0)
    package21913 (1.0.0)
    package21914 (1.0.0)
    package21915 (1.0.0)
    package21916 (1.0.0)
    package21917 (1.0.0)
    package21918 (1.0.0)
    package21919 (1.0.0)
    package21920 (1.0.0)
    package21921 (1.0.0)
    package21922 (1.0.0)
    package21923 (1.0.0)
    package21924 (1.0.0)
    package21925 (1.0.0)
    package21926 (1.0.0)
    package21927 (1.0.0)
    package21928 (1.0.0)
    package21929 (1.0.0)
    package21930 (1.0.0)
    package21931 (1.0.0)
    package21932 (1.0.0)
    package21933 (1.0.0)
    package21934 (1.0.0)
    package21935 (1.0.0)
    package21936 (1.0.0)
    package21937 (1.0.0)
    package21938 (1.0.0)
    package21939 (1.0.0)
    package21940 (1.0.0)
    package21941 (1.0.0)
    package21942 (1.0.0)
    package21943 (1.0.0)
    package21944 (1.0.0)
    package21945 (1.0.0)
    package21946 (1.0.0)
    package21947 (1.0.0)
    package21948 (1.0.0)
    package21949 (1.0.0)
    package21950 (1.0.0)
    package21951 (1.0.0)
    package21952 (1.0.0)
    package21953 (1.0.0)
    package21954 (1.0.0)
    package21955 (1.0.0)
    package21956 (1.0.0)
    package21957 (1.0.0)
    package21958 (1.0.0)
    package21959 (1.0.0)
    package21960 (1.0.0)
    package21961 (1.0.0)
    package21962 (1.0.0)
    package21963 (1.0.0)
    package21964 (1.0.0)
    package21965 (1.0.0)
    package21966 (1.0.0)
    package21967 (1.0.0)
    package21968 (1.0.0)
    package21969 (1.0.0)
    package21970 (1.0.0)
    package21971 (1.0.0)
    package21972 (1.0.0)
    package21973 (1.0.0)
    package21974 (1.0.0)
    package21975 (1.0.0)
    package21976 (1.0.0)
    package21977 (1.0.0)
    package21978 (1.0.0)
    package21979 (1.0.0)
    package21980 (1.0.0)
    package21981 (1.0.0)
    package21982 (1.0.0)
    package21983 (1.0.0)
    package21984 (1.0.0)
    package21985 (1.0.0)
    package21986 (1.0.0)
    package21987 (1.0.0)
    package21988 (1.0.0)
    package21989 (1.0.0)
    package21990 (1.0.0)
    package21991 (1.0.0)
    package21992 (1.0.0)
    package21993 (1.0.0)
    package21994 (1.0.0)
    package21995 (1.0.0)
    package21996 (1.0.0)
    package21997 (1.0.0)
    package21998 (1.0.0)
    package21999 (1.0.0)
    package22000 (1.0.0)
    package22001 (1.0.0)
    package22002 (1.0.0)
    package22003 (1.0.0)
    package22004 (1.0.0)
    package22005 (1.0.0)
    package22006 (1.0.0)
    package22007 (1.0.0)
    package22008 (1.0.0)
    package22009 (1.0.0)
    package22010 (1.0.0)
    package22011 (1.0.0)
    package22012 (1.0.0)
    package22013 (1.0.0)
    package22014 (1.0.0)
    package22015 (1.0.0)
    package22016 (1.0.0)
    package22017 (1.0.0)
    package22018 (1.0.0)
    package22019 (1.0.0)
    package22020 (1.0.0)
    package22021 (1.0.0)
    package22022 (1.0.0)
    package22023 (1.0.0)
    package22024 (1.0.0)
    package22025 (1.0.0)
    package22026 (1.0.0)
    package22027 (1.0.0)
    package22028 (1.0.0)
    package22029 (1.0.0)
    package22030 (1.0.0)
    package22031 (1.0.0)
    package22032 (1.0.0)
    package22033 (1.0.0)
    package22034 (1.0.0)
    package22035 (1.0.0)
    package22036 (1.0.0)
    package22037 (1.0.0)
    package22038 (1.0.0)
    package22039 (1.0.0)
    package22040 (1.0.0)
    package22041 (1.0.0)
    package22042 (1.0.0)
    package22043 (1.0.0)
    package22044 (1.0.0)
    package22045 (1.0.0)
    package22046 (1.0.0)
    package22047 (1.0.0)
    package22048 (1.0.0)
    package22049 (1.0.0)
    package22050 (1.0.0)
    package22051 (1.0.0)
    package22052 (1.0.0)
    package22053 (1.0.0)
    package22054 (1.0.0)
    package22055 (1.0.0)
    package22056 (1.0.0)
    package22057 (1.0.0)
    package22058 (1.0.0)
    package22059 (1.0.0)
    package22060 (1.0.0)
    package22061 (1.0.0)
    package22062 (1.0.0)
    package22063 (1.0.0)
    package22064 (1.0.0)
    package22065 (1.0.0)
    package22066 (1.0.0)
    package22067 (1.0.0)
    package22068 (1.0.0)
    package22069 (1.0.0)
    package22070 (1.0.0)
    package22071 (1.0.0)
    package22072 (1.0.0)
    package22073 (1.0.0)
    package22074 (1.0.0)
    package22075 (1.0.0)
    package22076 (1.0.0)
    package22077 (1.0.0)
    package22078 (1.0.0)
    package22079 (1.0.0)
    package22080 (1.0.0)
    package22081 (1.0.0)
    package22082 (1.0.0)
    package22083 (1.0.0)
    package22084 (1.0.0)
    package22085 (1.0.0)
    package22086 (1.0.0)
    package22087 (1.0.0)
    package22088 (1.0.0)
    package22089 (1.0.0)
    package22090 (1.0.0)
    package22091 (1.0.0)
    package22092 (1.0.0)
    package22093 (1.0.0)
    package22094 (1.0.0)
    package22095 (1.0.0)
    package22096 (1.0.0)
    package22097 (1.0.0)
    package22098 (1.0.0)
    package22099 (1.0.0)
    package22100 (1.0.0)
    package22101 (1.0.0)
    package22102 (1.0.0)
    package22103 (1.0.0)
    package22104 (1.0.0)
    package22105 (1.0.0)
    package22106 (1.0.0)
    package22107 (1.0.0)
    package22108 (1.0.0)
    package22109 (1.0.0)
    package22110 (1.0.0)
    package22111 (1.0.0)
    package22112 (1.0.0)
    package22113 (1.0.0)
    package22114 (1.0.0)
    package22115 (1.0.0)
    package22116 (1.0.0)
    package22117 (1.0.0)
    package22118 (1.0.0)
    package22119 (1.0.0)
    package22120 (1.0.0)
    package22121 (1.0.0)
    package22122 (1.0.0)
    package22123 (1.0.0)
    package22124 (1.0.0)
    package22125 (1.0.0)
    package22126 (1.0.0)
    package22127 (1.0.0)
    package22128 (1.0.0)
    package22129 (1.0.0)
    package22130 (1.0.0)
    package22131 (1.0.0)
    package22132 (1.0.0)
    package22133 (1.0.0)
    package22134 (1.0.0)
    package22135 (1.0.0)
    package22136 (1.0.0)
    package22137 (1.0.0)
    package22138 (1.0.0)
    package22139 (1.0.0)
    package22140 (1.0.0)
    package22141 (1.0.0)
    package22142 (1.0.0)
    package22143 (1.0.0)
    package22144 (1.0.0)
    package22145 (1.0.0)
    package22146 (1.0.0)
    package22147 (1.0.0)
    package22148 (1.0.0)
    package22149 (1.0.0)
    package22150 (1.0.0)
    package22151 (1.0.0)
    package22152 (1.0.0)
    package22153 (1.0.0)
    package22154 (1.0.0)
    package22155 (1.0.0)
    package22156 (1.0.0)
    package22157 (1.0.0)
    package22158 (1.0.0)
    package22159 (1.0.0)
    package22160 (1.0.0)
    package22161 (1.0.0)
    package22162 (1.0.0)
    package22163 (1.0.0)
    package22164 (1.0.0)
    package22165 (1.0.0)
    package22166 (1.0.0)
    package22167 (1.0.0)
    package22168 (1.0.0)
    package22169 (1.0.0)
    package22170 (1.0.0)
    package22171 (1.0.0)
    package22172 (1.0.0)
    package22173 (1.0.0)
    package22174 (1.0.0)
    package22175 (1.0.0)
    package22176 (1.0.0)
    package22177 (1.0.0)
    package22178 (1.0.0)
    package22179 (1.0.0)
    package22180 (1.0.0)
    package22181 (1.0.0)
    package22182 (1.0.0)
    package22183 (1.0.0)
    package22184 (1.0.0)
    package22185 (1.0.0)
    package22186 (1.0.0)
    package22187 (1.0.0)
    package22188 (1.0.0)
    package22189 (1.0.0)
    package22190 (1.0.0)
    package22191 (1.0.0)
    package22192 (1.0.0)
    package22193 (1.0.0)
    package22194 (1.0.0)
    package22195 (1.0.0)
    package22196 (1.0.0)
    package22197 (1.0.0)
    package22198 (1.0.0)
    package22199 (1.0.0)
    package22200 (1.0.0)
    package22201 (1.0.0)
    package22202 (1.0.0)
    package22203 (1.0.0)
    package22204 (1.0.0)
    package22205 (1.0.0)
    package22206 (1.0.0)
    package22207 (1.0.0)
    package22208 (1.0.0)
    package22209 (1.0.0)
    package22210 (1.0.0)
    package22211 (1.0.0)
    package22212 (1.0.0)
    package22213 (1.0.0)
    package22214 (1.0.0)
    package22215 (1.0.0)
    package22216 (1.0.0)
    package22217 (1.0.0)
    package22218 (1.0.0)
    package22219 (1.0.0)
    package22220 (1.0.0)
    package22221 (1.0.0)
    package22222 (1.0.0)
    package22223 (1.0.0)
    package22224 (1.0.0)
    package22225 (1.0.0)
    package22226 (1.0.0)
    package22227 (1.0.0)
    package22228 (1.0.0)
    package22229 (1.0.0)
    package22230 (1.0.0)
    package22231 (1.0.0)
    package22232 (1.0.0)
    package22233 (1.0.0)
    package22234 (1.0.0)
    package22235 (1.0.0)
    package22236 (1.0.0)
    package22237 (1.0.0)
    package22238 (1.0.0)
    package22239 (1.0.0)
    package22240 (1.0.0)
    package22241 (1.0.0)
    package22242 (1.0.0)
    package22243 (1.0.0)
    package22244 (1.0.0)
    package22245 (1.0.0)
    package22246 (1.0.0)
    package22247 (1.0.0)
    package22248 (1.0.0)
    package22249 (1.0.0)
    package22250 (1.0.0)
    package22251 (1.0.0)
    package22252 (1.0.0)
    package22253 (1.0.0)
    package22254 (1.0.0)
    package22255 (1.0.0)
    package22256 (1.0.0)
    package22257 (1.0.0)
    package22258 (1.0.0)
    package22259 (1.0.0)
    package22260 (1.0.0)
    package22261 (1.0.0)
    package22262 (1.0.0)
    package22263 (1.0.0)
    package22264 (1.0.0)
    package22265 (1.0.0)
    package22266 (1.0.0)
    package22267 (1.0.0)
    package22268 (1.0.0)
    package22269 (1.0.0)
    package22270 (1.0.0)
    package22271 (1.0.0)
    package22272 (1.0.0)
    package22273 (1.0.0)
    package22274 (1.0.0)
    package22275 (1.0.0)
    package22276 (1.0.0)
    package22277 (1.0.0)
    package22278 (1.0.0)
    package22279 (1.0.0)
    package22280 (1.0.0)
    package22281 (1.0.0)
    package22282 (1.0.0)
    package22283 (1.0.0)
    package22284 (1.0.0)
    package22285 (1.0.0)
    package22286 (1.0.0)
    package22287 (1.0.0)
    package22288 (1.0.0)
    package22289 (1.0.0)
    package22290 (1.0.0)
    package22291 (1.0.0)
    package22292 (1.0.0)
    package22293 (1.0.0)
    package22294 (1.0.0)
    package22295 (1.0.0)
    package22296 (1.0.0)
    package22297 (1.0.0)
    package22298 (1.0.0)
    package22299 (1.0.0)
    package22300 (1.0.0)
    package22301 (1.0.0)
    package22302 (1.0.0)
    package22303 (1.0.0)
    package22304 (1.0.0)
    package22305 (1.0.0)
    package22306 (1.0.0)
    package22307 (1.0.0)
    package22308 (1.0.0)
    package22309 (1.0.0)
    package22310 (1.0.0)
    package22311 (1.0.0)
    package22312 (1.0.0)
    package22313 (1.0.0)
    package22314 (1.0.0)
    package22315 (1.0.0)
    package22316 (1.0.0)
    package22317 (1.0.0)
    package22318 (1.0.0)
    package22319 (1.0.0)
    package22320 (1.0.0)
    package22321 (1.0.0)
    package22322 (1.0.0)
    package22323 (1.0.0)
    package22324 (1.0.0)
    package22325 (1.0.0)
    package22326 (1.0.0)
    package22327 (1.0.0)
    package22328 (1.0.0)
    package22329 (1.0.0)
    package22330 (1.0.0)
    package22331 (1.0.0)
    package22332 (1.0.0)
    package22333 (1.0.0)
    package22334 (1.0.0)
    package22335 (1.0.0)
    package22336 (1.0.0)
    package22337 (1.0.0)
    package22338 (1.0.0)
    package22339 (1.0.0)
    package22340 (1.0.0)
    package22341 (1.0.0)
    package22342 (1.0.0)
    package22343 (1.0.0)
    package22344 (1.0.0)
    package22345 (1.0.0)
    package22346 (1.0.0)
    package22347 (1.0.0)
    package22348 (1.0.0)
    package22349 (1.0.0)
    package22350 (1.0.0)
    package22351 (1.0.0)
    package22352 (1.0.0)
    package22353 (1.0.0)
    package22354 (1.0.0)
    package22355 (1.0.0)
    package22356 (1.0.0)
    package22357 (1.0.0)
    package22358 (1.0.0)
    package22359 (1.0.0)
    package22360 (1.0.0)
    package22361 (1.0.0)
    package22362 (1.0.0)
    package22363 (1.0.0)
    package22364 (1.0.0)
    package22365 (1.0.0)
    package22366 (1.0.0)
    package22367 (1.0.0)
    package22368 (1.0.0)
    package22369 (1.0.0)
    package22370 (1.0.0)
    package22371 (1.0.0)
    package22372 (1.0.0)
    package22373 (1.0.0)
    package22374 (1.0.0)
    package22375 (1.0.0)
    package22376 (1.0.0)
    package22377 (1.0.0)
    package22378 (1.0.0)
    package22379 (1.0.0)
    package22380 (1.0.0)
    package22381 (1.0.0)
    package22382 (1.0.0)
    package22383 (1.0.0)
    package22384 (1.0.0)
    package22385 (1.0.0)
    package22386 (1.0.0)
    package22387 (1.0.0)
    package22388 (1.0.0)
    package22389 (1.0.0)
    package22390 (1.0.0)
    package22391 (1.0.0)
    package22392 (1.0.0)
    package22393 (1.0.0)
    package22394 (1.0.0)
    package22395 (1.0.0)
    package22396 (1.0.0)
    package22397 (1.0.0)
    package22398 (1.0.0)
    package22399 (1.0.0)
    package22400 (1.0.0)
    package22401 (1.0.0)
    package22402 (1.0.0)
    package22403 (1.0.0)
    package22404 (1.0.0)
    package22405 (1.0.0)
    package22406 (1.0.0)
    package22407 (1.0.0)
    package22408 (1.0.0)
    package22409 (1.0.0)
    package22410 (1.0.0)
    package22411 (1.0.0)
    package22412 (1.0.0)
    package22413 (1.0.0)
    package22414 (1.0.0)
    package22415 (1.0.0)
    package22416 (1.0.0)
    package22417 (1.0.0)
    package22418 (1.0.0)
    package22419 (1.0.0)
    package22420 (1.0.0)
    package22421 (1.0.0)
    package22422 (1.0.0)
    package22423 (1.0.0)
    package22424 (1.0.0)
    package22425 (1.0.0)
    package22426 (1.0.0)
    package22427 (1.0.0)
    package22428 (1.0.0)
    package22429 (1.0.0)
    package22430 (1.0.0)
    package22431 (1.0.0)
    package22432 (1.0.0)
    package22433 (1.0.0)
    package22434 (1.0.0)
    package22435 (1.0.0)
    package22436 (1.0.0)
    package22437 (1.0.0)
    package22438 (1.0.0)
    package22439 (1.0.0)
    package22440 (1.0.0)
    package22441 (1.0.0)
    package22442 (1.0.0)
    package22443 (1.0.0)
    package22444 (1.0.0)
    package22445 (1.0.0)
    package22446 (1.0.0)
    package22447 (1.0.0)
    package22448 (1.0.0)
    package22449 (1.0.0)
    package22450 (1.0.0)
    package22451 (1.0.0)
    package22452 (1.0.0)
    package22453 (1.0.0)
    package22454 (1.0.0)
    package22455 (1.0.0)
    package22456 (1.0.0)
    package22457 (1.0.0)
    package22458 (1.0.0)
    package22459 (1.0.0)
    package22460 (1.0.0)
    package22461 (1.0.0)
    package22462 (1.0.0)
    package22463 (1.0.0)
    package22464 (1.0.0)
    package22465 (1.0.0)
    package22466 (1.0.0)
    package22467 (1.0.0)
    package22468 (1.0.0)
    package22469 (1.0.0)
    package22470 (1.0.0)
    package22471 (1.0.0)
    package22472 (1.0.0)
    package22473 (1.0.0)
    package22474 (1.0.0)
    package22475 (1.0.0)
    package22476 (1.0.0)
    package22477 (1.0.0)
    package22478 (1.0.0)
    package22479 (1.0.0)
    package22480 (1.0.0)
    package22481 (1.0.0)
    package22482 (1.0.0)
    package22483 (1.0.0)
    package22484 (1.0.0)
    package22485 (1.0.0)
    package22486 (1.0.0)
    package22487 (1.0.0)
    package22488 (1.0.0)
    package22489 (1.0.0)
    package22490 (1.0.0)
    package22491 (1.0.0)
    package22492 (1.0.0)
    package22493 (1.0.0)
    package22494 (1.0.0)
    package22495 (1.0.0)
    package22496 (1.0.0)
    package22497 (1.0.0)
    package22498 (1.0.0)
    package22499 (1.0.0)
    package22500 (1.0.0)
    package22501 (1.0.0)
    package22502 (1.0.0)
    package22503 (1.0.0)
    package22504 (1.0.0)
    package22505 (1.0.0)
    package22506 (1.0.0)
    package22507 (1.0.0)
    package22508 (1.0.0)
    package22509 (1.0.0)
    package22510 (1.0.0)
    package22511 (1.0.0)
    package22512 (1.0.0)
    package22513 (1.0.0)
    package22514 (1.0.0)
    package22515 (1.0.0)
    package22516 (1.0.0)
    package22517 (1.0.0)
    package22518 (1.0.0)
    package22519 (1.0.0)
    package22520 (1.0.0)
    package22521 (1.0.0)
    package22522 (1.0.0)
    package22523 (1.0.0)
    package22524 (1.0.0)
    package22525 (1.0.0)
    package22526 (1.0.0)
    package22527 (1.0.0)
    package22528 (1.0.0)
    package22529 (1.0.0)
    package22530 (1.0.0)
    package22531 (1.0.0)
    package22532 (1.0.0)
    package22533 (1.0.0)
    package22534 (1.0.0)
    package22535 (1.0.0)
    package22536 (1.0.0)
    package22537 (1.0.0)
    package22538 (1.0.0)
    package22539 (1.0.0)
    package22540 (1.0.0)
    package22541 (1.0.0)
    package22542 (1.0.0)
    package22543 (1.0.0)
    package22544 (1.0.0)
    package22545 (1.0.0)
    package22546 (1.0.0)
    package22547 (1.0.0)
    package22548 (1.0.0)
    package22549 (1.0.0)
    package22550 (1.0.0)
    package22551 (1.0.0)
    package22552 (1.0.0)
    package22553 (1.0.0)
    package22554 (1.0.0)
    package22555 (1.0.0)
    package22556 (1.0.0)
    package22557 (1.0.0)
    package22558 (1.0.0)
    package22559 (1.0.0)
    package22560 (1.0.0)
    package22561 (1.0.0)
    package22562 (1.0.0)
    package22563 (1.0.0)
    package22564 (1.0.0)
    package22565 (1.0.0)
    package22566 (1.0.0)
    package22567 (1.0.0)
    package22568 (1.0.0)
    package22569 (1.0.0)
    package22570 (1.0.0)
    package22571 (1.0.0)
    package22572 (1.0.0)
    package22573 (1.0.0)
    package22574 (1.0.0)
    package22575 (1.0.0)
    package22576 (1.0.0)
    package22577 (1.0.0)
    package22578 (1.0.0)
    package22579 (1.0.0)
    package22580 (1.0.0)
    package22581 (1.0.0)
    package22582 (1.0.0)
    package22583 (1.0.0)
    package22584 (1.0.0)
    package22585 (1.0.0)
    package22586 (1.0.0)
    package22587 (1.0.0)
    package22588 (1.0.0)
    package22589 (1.0.0)
    package22590 (1.0.0)
    package22591 (1.0.0)
    package22592 (1.0.0)
    package22593 (1.0.0)
    package22594 (1.0.0)
    package22595 (1.0.0)
    package22596 (1.0.0)
    package22597 (1.0.0)
    package22598 (1.0.0)
    package22599 (1.0.0)
    package22600 (1.0.0)
    package22601 (1.0.0)
    package22602 (1.0.0)
    package22603 (1.0.0)
    package22604 (1.0.0)
    package22605 (1.0.0)
    package22606 (1.0.0)
    package22607 (1.0.0)
    package22608 (1.0.0)
    package22609 (1.0.0)
    package22610 (1.0.0)
    package22611 (1.0.0)
    package22612 (1.0.0)
    package22613 (1.0.0)
    package22614 (1.0.0)
    package22615 (1.0.0)
    package22616 (1.0.0)
    package22617 (1.0.0)
    package22618 (1.0.0)
    package22619 (1.0.0)
    package22620 (1.0.0)
    package22621 (1.0.0)
    package22622 (1.0.0)
    package22623 (1.0.0)
    package22624 (1.0.0)
    package22625 (1.0.0)
    package22626 (1.0.0)
    package22627 (1.0.0)
    package22628 (1.0.0)
    package22629 (1.0.0)
    package22630 (1.0.0)
    package22631 (1.0.0)
    package22632 (1.0.0)
    package22633 (1.0.0)
    package22634 (1.0.0)
    package22635 (1.0.0)
    package22636 (1.0.0)
    package22637 (1.0.0)
    package22638 (1.0.0)
    package22639 (1.0.0)
    package22640 (1.0.0)
    package22641 (1.0.0)
    package22642 (1.0.0)
    package22643 (1.0.0)
    package22644 (1.0.0)
    package22645 (1.0.0)
    package22646 (1.0.0)
    package22647 (1.0.0)
    package22648 (1.0.0)
    package22649 (1.0.0)
    package22650 (1.0.0)
    package22651 (1.0.0)
    package22652 (1.0.0)
    package22653 (1.0.0)
    package22654 (1.0.0)
    package22655 (1.0.0)
    package22656 (1.0.0)
    package22657 (1.0.0)
    package22658 (1.0.0)
    package22659 (1.0.0)
    package22660 (1.0.0)
    package22661 (1.0.0)
    package22662 (1.0.0)
    package22663 (1.0.0)
    package22664 (1.0.0)
    package22665 (1.0.0)
    package22666 (1.0.0)
    package22667 (1.0.0)
    package22668 (1.0.0)
    package22669 (1.0.0)
    package22670 (1.0.0)
    package22671 (1.0.0)
    package22672 (1.0.0)
    package22673 (1.0.0)
    package22674 (1.0.0)
    package22675 (1.0.0)
    package22676 (1.0.0)
    package22677 (1.0.0)
    package22678 (1.0.0)
    package22679 (1.0.0)
    package22680 (1.0.0)
    package22681 (1.0.0)
    package22682 (1.0.0)
    package22683 (1.0.0)
    package22684 (1.0.0)
    package22685 (1.0.0)
    package22686 (1.0.0)
    package22687 (1.0.0)
    package22688 (1.0.0)
    package22689 (1.0.0)
    package22690 (1.0.0)
    package22691 (1.0.0)
    package22692 (1.0.0)
    package22693 (1.0.0)
    package22694 (1.0.0)
    package22695 (1.0.0)
    package22696 (1.0.0)
    package22697 (1.0.0)
    package22698 (1.0.0)
    package22699 (1.0.0)
    package22700 (1.0.0)
    package22701 (1.0.0)
    package22702 (1.0.0)
    package22703 (1.0.0)
    package22704 (1.0.0)
    package22705 (1.0.0)
    package22706 (1.0.0)
    package22707 (1.0.0)
    package22708 (1.0.0)
    package22709 (1.0.0)
    package22710 (1.0.0)
    package22711 (1.0.0)
    package22712 (1.0.0)
    package22713 (1.0.0)
    package22714 (1.0.0)
    package22715 (1.0.0)
    package22716 (1.0.0)
    package22717 (1.0.0)
    package22718 (1.0.0)
    package22719 (1.0.0)
    package22720 (1.0.0)
    package22721 (1.0.0)
    package22722 (1.0.0)
    package22723 (1.0.0)
    package22724 (1.0.0)
    package22725 (1.0.0)
    package22726 (1.0.0)
    package22727 (1.0.0)
    package22728 (1.0.0)
    package22729 (1.0.0)
    package22730 (1.0.0)
    package22731 (1.0.0)
    package22732 (1.0.0)
    package22733 (1.0.0)
    package22734 (1.0.0)
    package22735 (1.0.0)
    package22736 (1.0.0)
    package22737 (1.0.0)
    package22738 (1.0.0)
    package22739 (1.0.0)
    package22740 (1.0.0)
    package22741 (1.0.0)
    package22742 (1.0.0)
    package22743 (1.0.0)
    package22744 (1.0.0)
    package22745 (1.0.0)
    package22746 (1.0.0)
    package22747 (1.0.0)
    package22748 (1.0.0)
    package22749 (1.0.0)
    package22750 (1.0.0)
    package22751 (1.0.0)
    package22752 (1.0.0)
    package22753 (1.0.0)
    package22754 (1.0.0)
    package22755 (1.0.0)
    package22756 (1.0.0)
    package22757 (1.0.0)
    package22758 (1.0.0)
    package22759 (1.0.0)
    package22760 (1.0.0)
    package22761 (1.0.0)
    package22762 (1.0.0)
    package22763 (1.0.0)
    package22764 (1.0.0)
    package22765 (1.0.0)
    package22766 (1.0.0)
    package22767 (1.0.0)
    package22768 (1.0.0)
    package22769 (1.0.0)
    package22770 (1.0.0)
    package22771 (1.0.0)
    package22772 (1.0.0)
    package22773 (1.0.0)
    package22774 (1.0.0)
    package22775 (1.0.0)
    package22776 (1.0.0)
    package22777 (1.0.0)
    package22778 (1.0.0)
    package22779 (1.0.0)
    package22780 (1.0.0)
    package22781 (1.0.0)
    package22782 (1.0.0)
    package22783 (1.0.0)
    package22784 (1.0.0)
    package22785 (1.0.0)
    package22786 (1.0.0)
    package22787 (1.0.0)
    package22788 (1.0.0)
    package22789 (1.0.0)
    package22790 (1.0.0)
    package22791 (1.0.0)
    package22792 (1.0.0)
    package22793 (1.0.0)
    package22794 (1.0.0)
    package22795 (1.0.0)
    package22796 (1.0.0)
    package22797 (1.0.0)
    package22798 (1.0.0)
    package22799 (1.0.0)
    package22800 (1.0.0)
    package22801 (1.0.0)
    package22802 (1.0.0)
    package22803 (1.0.0)
    package22804 (1.0.0)
    package22805 (1.0.0)
    package22806 (1.0.0)
    package22807 (1.0.0)
    package22808 (1.0.0)
    package22809 (1.0.0)
    package22810 (1.0.0)
    package22811 (1.0.0)
    package22812 (1.0.0)
    package22813 (1.0.0)
    package22814 (1.0.0)
    package22815 (1.0.0)
    package22816 (1.0.0)
    package22817 (1.0.0)
    package22818 (1.0.0)
    package22819 (1.0.0)
    package22820 (1.0.0)
    package22821 (1.0.0)
    package22822 (1.0.0)
    package22823 (1.0.0)
    package22824 (1.0.0)
    package22825 (1.0.0)
    package22826 (1.0.0)
    package22827 (1.0.0)
    package22828 (1.0.0)
    package22829 (1.0.0)
    package22830 (1.0.0)
    package22831 (1.0.0)
    package22832 (1.0.0)
    package22833 (1.0.0)
    package22834 (1.0.0)
    package22835 (1.0.0)
    package22836 (1.0.0)
    package22837 (1.0.0)
    package22838 (1.0.0)
    package22839 (1.0.0)
    package22840 (1.0.0)
    package22841 (1.0.0)
    package22842 (1.0.0)
    package22843 (1.0.0)
    package22844 (1.0.0)
    package22845 (1.0.0)
    package22846 (1.0.0)
    package22847 (1.0.0)
    package22848 (1.0.0)
    package22849 (1.0.0)
    package22850 (1.0.0)
    package22851 (1.0.0)
    package22852 (1.0.0)
    package22853 (1.0.0)
    package22854 (1.0.0)
    package22855 (1.0.0)
    package22856 (1.0.0)
    package22857 (1.0.0)
    package22858 (1.0.0)
    package22859 (1.0.0)
    package22860 (1.0.0)
    package22861 (1.0.0)
    package22862 (1.0.0)
    package22863 (1.0.0)
    package22864 (1.0.0)
    package22865 (1.0.0)
    package22866 (1.0.0)
    package22867 (1.0.0)
    package22868 (1.0.0)
    package22869 (1.0.0)
    package22870 (1.0.0)
    package22871 (1.0.0)
    package22872 (1.0.0)
    package22873 (1.0.0)
    package22874 (1.0.0)
    package22875 (1.0.0)
    package22876 (1.0.0)
    package22877 (1.0.0)
    package22878 (1.0.0)
    package22879 (1.0.0)
    package22880 (1.0.0)
    package22881 (1.0.0)
    package22882 (1.0.0)
    package22883 (1.0.0)
    package22884 (1.0.0)
    package22885 (1.0.0)
    package22886 (1.0.0)
    package22887 (1.0.0)
    package22888 (1.0.0)
    package22889 (1.0.0)
    package22890 (1.0.0)
    package22891 (1.0.0)
    package22892 (1.0.0)
    package22893 (1.0.0)
    package22894 (1.0.0)
    package22895 (1.0.0)
    package22896 (1.0.0)
    package22897 (1.0.0)
    package22898 (1.0.0)
    package22899 (1.0.0)
    package22900 (1.0.0)
    package22901 (1.0.0)
    package22902 (1.0.0)
    package22903 (1.0.0)
    package22904 (1.0.0)
    package22905 (1.0.0)
    package22906 (1.0.0)
    package22907 (1.0.0)
    package22908 (1.0.0)
    package22909 (1.0.0)
    package22910 (1.0.0)
    package22911 (1.0.0)
    package22912 (1.0.0)
    package22913 (1.0.0)
    package22914 (1.0.0)
    package22915 (1.0.0)
    package22916 (1.0.0)
    package22917 (1.0.0)
    package22918 (1.0.0)
    package22919 (1.0.0)
    package22920 (1.0.0)
    package22921 (1.0.0)
    package22922 (1.0.0)
    package22923 (1.0.0)
    package22924 (1.0.0)
    package22925 (1.0.0)
    package22926 (1.0.0)
    package22927 (1.0.0)
    package22928 (1.0.0)
    package22929 (1.0.0)
    package22930 (1.0.0)
    package22931 (1.0.0)
    package22932 (1.0.0)
    package22933 (1.0.0)
    package22934 (1.0.0)
    package22935 (1.0.0)
    package22936 (1.0.0)
    package22937 (1.0.0)
    package22938 (1.0.0)
    package22939 (1.0.0)
    package22940 (1.0.0)
    package22941 (1.0.0)
    package22942 (1.0.0)
    package22943 (1.0.0)
    package22944 (1.0.0)
    package22945 (1.0.0)
    package22946 (1.0.0)
    package22947 (1.0.0)
    package22948 (1.0.0)
    package22949 (1.0.0)
    package22950 (1.0.0)
    package22951 (1.0.0)
    package22952 (1.0.0)
    package22953 (1.0.0)
    package22954 (1.0.0)
    package22955 (1.0.0)
    package22956 (1.0.0)
    package22957 (1.0.0)
    package22958 (1.0.0)
    package22959 (1.0.0)
    package22960 (1.0.0)
    package22961 (1.0.0)
    package22962 (1.0.0)
    package22963 (1.0.0)
    package22964 (1.0.0)
    package22965 (1.0.0)
    package22966 (1.0.0)
    package22967 (1.0.0)
    package22968 (1.0.0)
    package22969 (1.0.0)
    package22970 (1.0.0)
    package22971 (1.0.0)
    package22972 (1.0.0)
    package22973 (1.0.0)
    package22974 (1.0.0)
    package22975 (1.0.0)
    package22976 (1.0.0)
    package22977 (1.0.0)
    package22978 (1.0.0)
    package22979 (1.0.0)
    package22980 (1.0.0)
    package22981 (1.0.0)
    package22982 (1.0.0)
    package22983 (1.0.0)
    package22984 (1.0.0)
    package22985 (1.0.0)
    package22986 (1.0.0)
    package22987 (1.0.0)
    package22988 (1.0.0)
    package22989 (1.0.0)
    package22990 (1.0.0)
    package22991 (1.0.0)
    package22992 (1.0.0)
    package22993 (1.0.0)
    package22994 (1.0.0)
    package22995 (1.0.0)
    package22996 (1.0.0)
    package22997 (1.0.0)
    package22998 (1.0.0)
    package22999 (1.0.0)
    package23000 (1.0.0)
    package23001 (1.0.0)
    package23002 (1.0.0)
    package23003 (1.0.0)
    package23004 (1.0.0)
    package23005 (1.0.0)
    package23006 (1.0.0)
    package23007 (1.0.0)
    package23008 (1.0.0)
    package23009 (1.0.0)
    package23010 (1.0.0)
    package23011 (1.0.0)
    package23012 (1.0.0)
    package23013 (1.0.0)
    package23014 (1.0.0)
    package23015 (1.0.0)
    package23016 (1.0.0)
    package23017 (1.0.0)
    package23018 (1.0.0)
    package23019 (1.0.0)
    package23020 (1.0.0)
    package23021 (1.0.0)
    package23022 (1.0.0)
    package23023 (1.0.0)
    package23024 (1.0.0)
    package23025 (1.0.0)
    package23026 (1.0.0)
    package23027 (1.0.0)
    package23028 (1.0.0)
    package23029 (1.0.0)
    package23030 (1.0.0)
    package23031 (1.0.0)
    package23032 (1.0.0)
    package23033 (1.0.0)
    package23034 (1.0.0)
    package23035 (1.0.0)
    package23036 (1.0.0)
    package23037 (1.0.0)
    package23038 (1.0.0)
    package23039 (1.0.0)
    package23040 (1.0.0)
    package23041 (1.0.0)
    package23042 (1.0.0)
    package23043 (1.0.0)
    package23044 (1.0.0)
    package23045 (1.0.0)
    package23046 (1.0.0)
    package23047 (1.0.0)
    package23048 (1.0.0)
    package23049 (1.0.0)
    package23050 (1.0.0)
    package23051 (1.0.0)
    package23052 (1.0.0)
    package23053 (1.0.0)
    package23054 (1.0.0)
    package23055 (1.0.0)
    package23056 (1.0.0)
    package23057 (1.0.0)
    package23058 (1.0.0)
    package23059 (1.0.0)
    package23060 (1.0.0)
    package23061 (1.0.0)
    package23062 (1.0.0)
    package23063 (1.0.0)
    package23064 (1.0.0)
    package23065 (1.0.0)
    package23066 (1.0.0)
    package23067 (1.0.0)
    package23068 (1.0.0)
    package23069 (1.0.0)
    package23070 (1.0.0)
    package23071 (1.0.0)
    package23072 (1.0.0)
    package23073 (1.0.0)
    package23074 (1.0.0)
    package23075 (1.0.0)
    package23076 (1.0.0)
    package23077 (1.0.0)
    package23078 (1.0.0)
    package23079 (1.0.0)
    package23080 (1.0.0)
    package23081 (1.0.0)
    package23082 (1.0.0)
    package23083 (1.0.0)
    package23084 (1.0.0)
    package23085 (1.0.0)
    package23086 (1.0.0)
    package23087 (1.0.0)
    package23088 (1.0.0)
    package23089 (1.0.0)
    package23090 (1.0.0)
    package23091 (1.0.0)
    package23092 (1.0.0)
    package23093 (1.0.0)
    package23094 (1.0.0)
    package23095 (1.0.0)
    package23096 (1.0.0)
    package23097 (1.0.0)
    package23098 (1.0.0)
    package23099 (1.0.0)
    package23100 (1.0.0)
    package23101 (1.0.0)
    package23102 (1.0.0)
    package23103 (1.0.0)
    package23104 (1.0.0)
    package23105 (1.0.0)
    package23106 (1.0.0)
    package23107 (1.0.0)
    package23108 (1.0.0)
    package23109 (1.0.0)
    package23110 (1.0.0)
    package23111 (1.0.0)
    package23112 (1.0.0)
    package23113 (1.0.0)
    package23114 (1.0.0)
    package23115 (1.0.0)
    package23116 (1.0.0)
    package23117 (1.0.0)
    package23118 (1.0.0)
    package23119 (1.0.0)
    package23120 (1.0.0)
    package23121 (1.0.0)
    package23122 (1.0.0)
    package23123 (1.0.0)
    package23124 (1.0.0)
    package23125 (1.0.0)
    package23126 (1.0.0)
    package23127 (1.0.0)
    package23128 (1.0.0)
    package23129 (1.0.0)
    package23130 (1.0.0)
    package23131 (1.0.0)
    package23132 (1.0.0)
    package23133 (1.0.0)
    package23134 (1.0.0)
    package23135 (1.0.0)
    package23136 (1.0.0)
    package23137 (1.0.0)
    package23138 (1.0.0)
    package23139 (1.0.0)
    package23140 (1.0.0)
    package23141 (1.0.0)
    package23142 (1.0.0)
    package23143 (1.0.0)
    package23144 (1.0.0)
    package23145 (1.0.0)
    package23146 (1.0.0)
    package23147 (1.0.0)
    package23148 (1.0.0)
    package23149 (1.0.0)
    package23150 (1.0.0)
    package23151 (1.0.0)
    package23152 (1.0.0)
    package23153 (1.0.0)
    package23154 (1.0.0)
    package23155 (1.0.0)
    package23156 (1.0.0)
    package23157 (1.0.0)
    package23158 (1.0.0)
    package23159 (1.0.0)
    package23160 (1.0.0)
    package23161 (1.0.0)
    package23162 (1.0.0)
    package23163 (1.0.0)
    package23164 (1.0.0)
    package23165 (1.0.0)
    package23166 (1.0.0)
    package23167 (1.0.0)
    package23168 (1.0.0)
    package23169 (1.0.0)
    package23170 (1.0.0)
    package23171 (1.0.0)
    package23172 (1.0.0)
    package23173 (1.0.0)
    package23174 (1.0.0)
    package23175 (1.0.0)
    package23176 (1.0.0)
    package23177 (1.0.0)
    package23178 (1.0.0)
    package23179 (1.0.0)
    package23180 (1.0.0)
    package23181 (1.0.0)
    package23182 (1.0.0)
    package23183 (1.0.0)
    package23184 (1.0.0)
    package23185 (1.0.0)
    package23186 (1.0.0)
    package23187 (1.0.0)
    package23188 (1.0.0)
    package23189 (1.0.0)
    package23190 (1.0.0)
    package23191 (1.0.0)
    package23192 (1.0.0)
    package23193 (1.0.0)
    package23194 (1.0.0)
    package23195 (1.0.0)
    package23196 (1.0.0)
    package23197 (1.0.0)
    package23198 (1.0.0)
    package23199 (1.0.0)
    package23200 (1.0.0)
    package23201 (1.0.0)
    package23202 (1.0.0)
    package23203 (1.0.0)
    package23204 (1.0.0)
    package23205 (1.0.0)
    package23206 (1.0.0)
    package23207 (1.0.0)
    package23208 (1.0.0)
    package23209 (1.0.0)
    package23210 (1.0.0)
    package23211 (1.0.0)
    package23212 (1.0.0)
    package23213 (1.0.0)
    package23214 (1.0.0)
    package23215 (1.0.0)
    package23216 (1.0.0)
    package23217 (1.0.0)
    package23218 (1.0.0)
    package23219 (1.0.0)
    package23220 (1.0.0)
    package23221 (1.0.0)
    package23222 (1.0.0)
    package23223 (1.0.0)
    package23224 (1.0.0)
    package23225 (1.0.0)
    package23226 (1.0.0)
    package23227 (1.0.0)
    package23228 (1.0.0)
    package23229 (1.0.0)
    package23230 (1.0.0)
    package23231 (1.0.0)
    package23232 (1.0.0)
    package23233 (1.0.0)
    package23234 (1.0.0)
    package23235 (1.0.0)
    package23236 (1.0.0)
    package23237 (1.0.0)
    package23238 (1.0.0)
    package23239 (1.0.0)
    package23240 (1.0.0)
    package23241 (1.0.0)
    package23242 (1.0.0)
    package23243 (1.0.0)
    package23244 (1.0.0)
    package23245 (1.0.0)
    package23246 (1.0.0)
    package23247 (1.0.0)
    package23248 (1.0.0)
    package23249 (1.0.0)
    package23250 (1.0.0)
    package23251 (1.0.0)
    package23252 (1.0.0)
    package23253 (1.0.0)
    package23254 (1.0.0)
    package23255 (1.0.0)
    package23256 (1.0.0)
    package23257 (1.0.0)
    package23258 (1.0.0)
    package23259 (1.0.0)
    package23260 (1.0.0)
    package23261 (1.0.0)
    package23262 (1.0.0)
    package23263 (1.0.0)
    package23264 (1.0.0)
    package23265 (1.0.0)
    package23266 (1.0.0)
    package23267 (1.0.0)
    package23268 (1.0.0)
    package23269 (1.0.0)
    package23270 (1.0.0)
    package23271 (1.0.0)
    package23272 (1.0.0)
    package23273 (1.0.0)
    package23274 (1.0.0)
    package23275 (1.0.0)
    package23276 (1.0.0)
    package23277 (1.0.0)
    package23278 (1.0.0)
    package23279 (1.0.0)
    package23280 (1.0.0)
    package23281 (1.0.0)
    package23282 (1.0.0)
    package23283 (1.0.0)
    package23284 (1.0.0)
    package23285 (1.0.0)
    package23286 (1.0.0)
    package23287 (1.0.0)
    package23288 (1.0.0)
    package23289 (1.0.0)
    package23290 (1.0.0)
    package23291 (1.0.0)
    package23292 (1.0.0)
    package23293 (1.0.0)
    package23294 (1.0.0)
    package23295 (1.0.0)
    package23296 (1.0.0)
    package23297 (1.0.0)
    package23298 (1.0.0)
    package23299 (1.0.0)
    package23300 (1.0.0)
    package23301 (1.0.0)
    package23302 (1.0.0)
    package23303 (1.0.0)
    package23304 (1.0.0)
    package23305 (1.0.0)
    package23306 (1.0.0)
    package23307 (1.0.0)
    package23308 (1.0.0)
    package23309 (1.0.0)
    package23310 (1.0.0)
    package23311 (1.0.0)
    package23312 (1.0.0)
    package23313 (1.0.0)
    package23314 (1.0.0)
    package23315 (1.0.0)
    package23316 (1.0.0)
    package23317 (1.0.0)
    package23318 (1.0.0)
    package23319 (1.0.0)
    package23320 (1.0.0)
    package23321 (1.0.0)
    package23322 (1.0.0)
    package23323 (1.0.0)
    package23324 (1.0.0)
    package23325 (1.0.0)
    package23326 (1.0.0)
    package23327 (1.0.0)
    package23328 (1.0.0)
    package23329 (1.0.0)
    package23330 (1.0.0)
    package23331 (1.0.0)
    package23332 (1.0.0)
    package23333 (1.0.0)
    package23334 (1.0.0)
    package23335 (1.0.0)
    package23336 (1.0.0)
    package23337 (1.0.0)
    package23338 (1.0.0)
    package23339 (1.0.0)
    package23340 (1.0.0)
    package23341 (1.0.0)
    package23342 (1.0.0)
    package23343 (1.0.0)
    package23344 (1.0.0)
    package23345 (1.0.0)
    package23346 (1.0.0)
    package23347 (1.0.0)
    package23348 (1.0.0)
    package23349 (1.0.0)
    package23350 (1.0.0)
    package23351 (1.0.0)
    package23352 (1.0.0)
    package23353 (1.0.0)
    package23354 (1.0.0)
    package23355 (1.0.0)
    package23356 (1.0.0)
    package23357 (1.0.0)
    package23358 (1.0.0)
    package23359 (1.0.0)
    package23360 (1.0.0)
    package23361 (1.0.0)
    package23362 (1.0.0)
    package23363 (1.0.0)
    package23364 (1.0.0)
    package23365 (1.0.0)
    package23366 (1.0.0)
    package23367 (1.0.0)
    package23368 (1.0.0)
    package23369 (1.0.0)
    package23370 (1.0.0)
    package23371 (1.0.0)
    package23372 (1.0.0)
    package23373 (1.0.0)
    package23374 (1.0.0)
    package23375 (1.0.0)
    package23376 (1.0.0)
    package23377 (1.0.0)
    package23378 (1.0.0)
    package23379 (1.0.0)
    package23380 (1.0.0)
    package23381 (1.0.0)
    package23382 (1.0.0)
    package23383 (1.0.0)
    package23384 (1.0.0)
    package23385 (1.0.0)
    package23386 (1.0.0)
    package23387 (1.0.0)
    package23388 (1.0.0)
    package23389 (1.0.0)
    package23390 (1.0.0)
    package23391 (1.0.0)
    package23392 (1.0.0)
    package23393 (1.0.0)
    package23394 (1.0.0)
    package23395 (1.0.0)
    package23396 (1.0.0)
    package23397 (1.0.0)
    package23398 (1.0.0)
    package23399 (1.0.0)
    package23400 (1.0.0)
    package23401 (1.0.0)
    package23402 (1.0.0)
    package23403 (1.0.0)
    package23404 (1.0.0)
    package23405 (1.0.0)
    package23406 (1.0.0)
    package23407 (1.0.0)
    package23408 (1.0.0)
    package23409 (1.0.0)
    package23410 (1.0.0)
    package23411 (1.0.0)
    package23412 (1.0.0)
    package23413 (1.0.0)
    package23414 (1.0.0)
    package23415 (1.0.0)
    package23416 (1.0.0)
    package23417 (1.0.0)
    package23418 (1.0.0)
    package23419 (1.0.0)
    package23420 (1.0.0)
    package23421 (1.0.0)
    package23422 (1.0.0)
    package23423 (1.0.0)
    package23424 (1.0.0)
    package23425 (1.0.0)
    package23426 (1.0.0)
    package23427 (1.0.0)
    package23428 (1.0.0)
    package23429 (1.0.0)
    package23430 (1.0.0)
    package23431 (1.0.0)
    package23432 (1.0.0)
    package23433 (1.0.0)
    package23434 (1.0.0)
    package23435 (1.0.0)
    package23436 (1.0.0)
    package23437 (1.0.0)
    package23438 (1.0.0)
    package23439 (1.0.0)
    package23440 (1.0.0)
    package23441 (1.0.0)
    package23442 (1.0.0)
    package23443 (1.0.0)
    package23444 (1.0.0)
    package23445 (1.0.0)
    package23446 (1.0.0)
    package23447 (1.0.0)
    package23448 (1.0.0)
    package23449 (1.0.0)
    package23450 (1.0.0)
    package23451 (1.0.0)
    package23452 (1.0.0)
    package23453 (1.0.0)
    package23454 (1.0.0)
    package23455 (1.0.0)
    package23456 (1.0.0)
    package23457 (1.0.0)
    package23458 (1.0.0)
    package23459 (1.0.0)
    package23460 (1.0.0)
    package23461 (1.0.0)
    package23462 (1.0.0)
    package23463 (1.0.0)
    package23464 (1.0.0)
    package23465 (1.0.0)
    package23466 (1.0.0)
    package23467 (1.0.0)
    package23468 (1.0.0)
    package23469 (1.0.0)
    package23470 (1.0.0)
    package23471 (1.0.0)
    package23472 (1.0.0)
    package23473 (1.0.0)
    package23474 (1.0.0)
    package23475 (1.0.0)
    package23476 (1.0.0)
    package23477 (1.0.0)
    package23478 (1.0.0)
    package23479 (1.0.0)
    package23480 (1.0.0)
    package23481 (1.0.0)
    package23482 (1.0.0)
    package23483 (1.0.0)
    package23484 (1.0.0)
    package23485 (1.0.0)
    package23486 (1.0.0)
    package23487 (1.0.0)
    package23488 (1.0.0)
    package23489 (1.0.0)
    package23490 (1.0.0)
    package23491 (1.0.0)
    package23492 (1.0.0)
    package23493 (1.0.0)
    package23494 (1.0.0)
    package23495 (1.0.0)
    package23496 (1.0.0)
    package23497 (1.0.0)
    package23498 (1.0.0)
    package23499 (1.0.0)
    package23500 (1.0.0)
    package23501 (1.0.0)
    package23502 (1.0.0)
    package23503 (1.0.0)
    package23504 (1.0.0)
    package23505 (1.0.0)
    package23506 (1.0.0)
    package23507 (1.0.0)
    package23508 (1.0.0)
    package23509 (1.0.0)
    package23510 (1.0.0)
    package23511 (1.0.0)
    package23512 (1.0.0)
    package23513 (1.0.0)
    package23514 (1.0.0)
    package23515 (1.0.0)
    package23516 (1.0.0)
    package23517 (1.0.0)
    package23518 (1.0.0)
    package23519 (1.0.0)
    package23520 (1.0.0)
    package23521 (1.0.0)
    package23522 (1.0.0)
    package23523 (1.0.0)
    package23524 (1.0.0)
    package23525 (1.0.0)
    package23526 (1.0.0)
    package23527 (1.0.0)
    package23528 (1.0.0)
    package23529 (1.0.0)
    package23530 (1.0.0)
    package23531 (1.0.0)
    package23532 (1.0.0)
    package23533 (1.0.0)
    package23534 (1.0.0)
    package23535 (1.0.0)
    package23536 (1.0.0)
    package23537 (1.0.0)
    package23538 (1.0.0)
    package23539 (1.0.0)
    package23540 (1.0.0)
    package23541 (1.0.0)
    package23542 (1.0.0)
    package23543 (1.0.0)
    package23544 (1.0.0)
    package23545 (1.0.0)
    package23546 (1.0.0)
    package23547 (1.0.0)
    package23548 (1.0.0)
    package23549 (1.0.0)
    package23550 (1.0.0)
    package23551 (1.0.0)
    package23552 (1.0.0)
    package23553 (1.0.0)
    package23554 (1.0.0)
    package23555 (1.0.0)
    package23556 (1.0.0)
    package23557 (1.0.0)
    package23558 (1.0.0)
    package23559 (1.0.0)
    package23560 (1.0.0)
    package23561 (1.0.0)
    package23562 (1.0.0)
    package23563 (1.0.0)
    package23564 (1.0.0)
    package23565 (1.0.0)
    package23566 (1.0.0)
    package23567 (1.0.0)
    package23568 (1.0.0)
    package23569 (1.0.0)
    package23570 (1.0.0)
    package23571 (1.0.0)
    package23572 (1.0.0)
    package23573 (1.0.0)
    package23574 (1.0.0)
    package23575 (1.0.0)
    package23576 (1.0.0)
    package23577 (1.0.0)
    package23578 (1.0.0)
    package23579 (1.0.0)
    package23580 (1.0.0)
    package23581 (1.0.0)
    package23582 (1.0.0)
    package23583 (1.0.0)
    package23584 (1.0.0)
    package23585 (1.0.0)
    package23586 (1.0.0)
    package23587 (1.0.0)
    package23588 (1.0.0)
    package23589 (1.0.0)
    package23590 (1.0.0)
    package23591 (1.0.0)
    package23592 (1.0.0)
    package23593 (1.0.0)
    package23594 (1.0.0)
    package23595 (1.0.0)
    package23596 (1.0.0)
    package23597 (1.0.0)
    package23598 (1.0.0)
    package23599 (1.0.0)
    package23600 (1.0.0)
    package23601 (1.0.0)
    package23602 (1.0.0)
    package23603 (1.0.0)
    package23604 (1.0.0)
    package23605 (1.0.0)
    package23606 (1.0.0)
    package23607 (1.0.0)
    package23608 (1.0.0)
    package23609 (1.0.0)
    package23610 (1.0.0)
    package23611 (1.0.0)
    package23612 (1.0.0)
    package23613 (1.0.0)
    package23614 (1.0.0)
    package23615 (1.0.0)
    package23616 (1.0.0)
    package23617 (1.0.0)
    package23618 (1.0.0)
    package23619 (1.0.0)
    package23620 (1.0.0)
    package23621 (1.0.0)
    package23622 (1.0.0)
    package23623 (1.0.0)
    package23624 (1.0.0)
    package23625 (1.0.0)
    package23626 (1.0.0)
    package23627 (1.0.0)
    package23628 (1.0.0)
    package23629 (1.0.0)
    package23630 (1.0.0)
    package23631 (1.0.0)
    package23632 (1.0.0)
    package23633 (1.0.0)
    package23634 (1.0.0)
    package23635 (1.0.0)
    package23636 (1.0.0)
    package23637 (1.0.0)
    package23638 (1.0.0)
    package23639 (1.0.0)
    package23640 (1.0.0)
    package23641 (1.0.0)
    package23642 (1.0.0)
    package23643 (1.0.0)
    package23644 (1.0.0)
    package23645 (1.0.0)
    package23646 (1.0.0)
    package23647 (1.0.0)
    package23648 (1.0.0)
    package23649 (1.0.0)
    package23650 (1.0.0)
    package23651 (1.0.0)
    package23652 (1.0.0)
    package23653 (1.0.0)
    package23654 (1.0.0)
    package23655 (1.0.0)
    package23656 (1.0.0)
    package23657 (1.0.0)
    package23658 (1.0.0)
    package23659 (1.0.0)
    package23660 (1.0.0)
    package23661 (1.0.0)
    package23662 (1.0.0)
    package23663 (1.0.0)
    package23664 (1.0.0)
    package23665 (1.0.0)
    package23666 (1.0.0)
    package23667 (1.0.0)
    package23668 (1.0.0)
    package23669 (1.0.0)
    package23670 (1.0.0)
    package23671 (1.0.0)
    package23672 (1.0.0)
    package23673 (1.0.0)
    package23674 (1.0.0)
    package23675 (1.0.0)
    package23676 (1.0.0)
    package23677 (1.0.0)
    package23678 (1.0.0)
    package23679 (1.0.0)
    package23680 (1.0.0)
    package23681 (1.0.0)
    package23682 (1.0.0)
    package23683 (1.0.0)
    package23684 (1.0.0)
    package23685 (1.0.0)
    package23686 (1.0.0)
    package23687 (1.0.0)
    package23688 (1.0.0)
    package23689 (1.0.0)
    package23690 (1.0.0)
    package23691 (1.0.0)
    package23692 (1.0.0)
    package23693 (1.0.0)
    package23694 (1.0.0)
    package23695 (1.0.0)
    package23696 (1.0.0)
    package23697 (1.0.0)
    package23698 (1.0.0)
    package23699 (1.0.0)
    package23700 (1.0.0)
    package23701 (1.0.0)
    package23702 (1.0.0)
    package23703 (1.0.0)
    package23704 (1.0.0)
    package23705 (1.0.0)
    package23706 (1.0.0)
    package23707 (1.0.0)
    package23708 (1.0.0)
    package23709 (1.0.0)
    package23710 (1.0.0)
    package23711 (1.0.0)
    package23712 (1.0.0)
    package23713 (1.0.0)
    package23714 (1.0.0)
    package23715 (1.0.0)
    package23716 (1.0.0)
    package23717 (1.0.0)
    package23718 (1.0.0)
    package23719 (1.0.0)
    package23720 (1.0.0)
    package23721 (1.0.0)
    package23722 (1.0.0)
    package23723 (1.0.0)
    package23724 (1.0.0)
    package23725 (1.0.0)
    package23726 (1.0.0)
    package23727 (1.0.0)
    package23728 (1.0.0)
    package23729 (1.0.0)
    package23730 (1.0.0)
    package23731 (1.0.0)
    package23732 (1.0.0)
    package23733 (1.0.0)
    package23734 (1.0.0)
    package23735 (1.0.0)
    package23736 (1.0.0)
    package23737 (1.0.0)
    package23738 (1.0.0)
    package23739 (1.0.0)
    package23740 (1.0.0)
    package23741 (1.0.0)
    package23742 (1.0.0)
    package23743 (1.0.0)
    package23744 (1.0.0)
    package23745 (1.0.0)
    package23746 (1.0.0)
    package23747 (1.0.0)
    package23748 (1.0.0)
    package23749 (1.0.0)
    package23750 (1.0.0)
    package23751 (1.0.0)
    package23752 (1.0.0)
    package23753 (1.0.0)
    package23754 (1.0.0)
    package23755 (1.0.0)
    package23756 (1.0.0)
    package23757 (1.0.0)
    package23758 (1.0.0)
    package23759 (1.0.0)
    package23760 (1.0.0)
    package23761 (1.0.0)
    package23762 (1.0.0)
    package23763 (1.0.0)
    package23764 (1.0.0)
    package23765 (1.0.0)
    package23766 (1.0.0)
    package23767 (1.0.0)
    package23768 (1.0.0)
    package23769 (1.0.0)
    package23770 (1.0.0)
    package23771 (1.0.0)
    package23772 (1.0.0)
    package23773 (1.0.0)
    package23774 (1.0.0)
    package23775 (1.0.0)
    package23776 (1.0.0)
    package23777 (1.0.0)
    package23778 (1.0.0)
    package23779 (1.0.0)
    package23780 (1.0.0)
    package23781 (1.0.0)
    package23782 (1.0.0)
    package23783 (1.0.0)
    package23784 (1.0.0)
    package23785 (1.0.0)
    package23786 (1.0.0)
    package23787 (1.0.0)
    package23788 (1.0.0)
    package23789 (1.0.0)
    package23790 (1.0.0)
    package23791 (1.0.0)
    package23792 (1.0.0)
    package23793 (1.0.0)
    package23794 (1.0.0)
    package23795 (1.0.0)
    package23796 (1.0.0)
    package23797 (1.0.0)
    package23798 (1.0.0)
    package23799 (1.0.0)
    package23800 (1.0.0)
    package23801 (1.0.0)
    package23802 (1.0.0)
    package23803 (1.0.0)
    package23804 (1.0.0)
    package23805 (1.0.0)
    package23806 (1.0.0)
    package23807 (1.0.0)
    package23808 (1.0.0)
    package23809 (1.0.0)
    package23810 (1.0.0)
    package23811 (1.0.0)
    package23812 (1.0.0)
    package23813 (1.0.0)
    package23814 (1.0.0)
    package23815 (1.0.0)
    package23816 (1.0.0)
    package23817 (1.0.0)
    package23818 (1.0.0)
    package23819 (1.0.0)
    package23820 (1.0.0)
    package23821 (1.0.0)
    package23822 (1.0.0)
    package23823 (1.0.0)
    package23824 (1.0.0)
    package23825 (1.0.0)
    package23826 (1.0.0)
    package23827 (1.0.0)
    package23828 (1.0.0)
    package23829 (1.0.0)
    package23830 (1.0.0)
    package23831 (1.0.0)
    package23832 (1.0.0)
    package23833 (1.0.0)
    package23834 (1.0.0)
    package23835 (1.0.0)
    package23836 (1.0.0)
    package23837 (1.0.0)
    package23838 (1.0.0)
    package23839 (1.0.0)
    package23840 (1.0.0)
    package23841 (1.0.0)
    package23842 (1.0.0)
    package23843 (1.0.0)
    package23844 (1.0.0)
    package23845 (1.0.0)
    package23846 (1.0.0)
    package23847 (1.0.0)
    package23848 (1.0.0)
    package23849 (1.0.0)
    package23850 (1.0.0)
    package23851 (1.0.0)
    package23852 (1.0.0)
    package23853 (1.0.0)
    package23854 (1.0.0)
    package23855 (1.0.0)
    package23856 (1.0.0)
    package23857 (1.0.0)
    package23858 (1.0.0)
    package23859 (1.0.0)
    package23860 (1.0.0)
    package23861 (1.0.0)
    package23862 (1.0.0)
    package23863 (1.0.0)
    package23864 (1.0.0)
    package23865 (1.0.0)
    package23866 (1.0.0)
    package23867 (1.0.0)
    package23868 (1.0.0)
    package23869 (1.0.0)
    package23870 (1.0.0)
    package23871 (1.0.0)
    package23872 (1.0.0)
    package23873 (1.0.0)
    package23874 (1.0.0)
    package23875 (1.0.0)
    package23876 (1.0.0)
    package23877 (1.0.0)
    package23878 (1.0.0)
    package23879 (1.0.0)
    package23880 (1.0.0)
    package23881 (1.0.0)
    package23882 (1.0.0)
    package23883 (1.0.0)
    package23884 (1.0.0)
    package23885 (1.0.0)
    package23886 (1.0.0)
    package23887 (1.0.0)
    package23888 (1.0.0)
    package23889 (1.0.0)
    package23890 (1.0.0)
    package23891 (1.0.0)
    package23892 (1.0.0)
    package23893 (1.0.0)
    package23894 (1.0.0)
    package23895 (1.0.0)
    package23896 (1.0.0)
    package23897 (1.0.0)
    package23898 (1.0.0)
    package23899 (1.0.0)
    package23900 (1.0.0)
    package23901 (1.0.0)
    package23902 (1.0.0)
    package23903 (1.0.0)
    package23904 (1.0.0)
    package23905 (1.0.0)
    package23906 (1.0.0)
    package23907 (1.0.0)
    package23908 (1.0.0)
    package23909 (1.0.0)
    package23910 (1.0.0)
    package23911 (1.0.0)
    package23912 (1.0.0)
    package23913 (1.0.0)
    package23914 (1.0.0)
    package23915 (1.0.0)
    package23916 (1.0.0)
    package23917 (1.0.0)
    package23918 (1.0.0)
    package23919 (1.0.0)
    package23920 (1.0.0)
    package23921 (1.0.0)
    package23922 (1.0.0)
    package23923 (1.0.0)
    package23924 (1.0.0)
    package23925 (1.0.0)
    package23926 (1.0.0)
    package23927 (1.0.0)
    package23928 (1.0.0)
    package23929 (1.0.0)
    package23930 (1.0.0)
    package23931 (1.0.0)
    package23932 (1.0.0)
    package23933 (1.0.0)
    package23934 (1.0.0)
    package23935 (1.0.0)
    package23936 (1.0.0)
    package23937 (1.0.0)
    package23938 (1.0.0)
    package23939 (1.0.0)
    package23940 (1.0.0)
    package23941 (1.0.0)
    package23942 (1.0.0)
    package23943 (1.0.0)
    package23944 (1.0.0)
    package23945 (1.0.0)
    package23946 (1.0.0)
    package23947 (1.0.0)
    package23948 (1.0.0)
    package23949 (1.0.0)
    package23950 (1.0.0)
    package23951 (1.0.0)
    package23952 (1.0.0)
    package23953 (1.0.0)
    package23954 (1.0.0)
    package23955 (1.0.0)
    package23956 (1.0.0)
    package23957 (1.0.0)
    package23958 (1.0.0)
    package23959 (1.0.0)
    package23960 (1.0.0)
    package23961 (1.0.0)
    package23962 (1.0.0)
    package23963 (1.0.0)
    package23964 (1.0.0)
    package23965 (1.0.0)
    package23966 (1.0.0)
    package23967 (1.0.0)
    package23968 (1.0.0)
    package23969 (1.0.0)
    package23970 (1.0.0)
    package23971 (1.0.0)
    package23972 (1.0.0)
    package23973 (1.0.0)
    package23974 (1.0.0)
    package23975 (1.0.0)
    package23976 (1.0.0)
    package23977 (1.0.0)
    package23978 (1.0.0)
    package23979 (1.0.0)
    package23980 (1.0.0)
    package23981 (1.0.0)
    package23982 (1.0.0)
    package23983 (1.0.0)
    package23984 (1.0.0)
    package23985 (1.0.0)
    package23986 (1.0.0)
    package23987 (1.0.0)
    package23988 (1.0.0)
    package23989 (1.0.0)
    package23990 (1.0.0)
    package23991 (1.0.0)
    package23992 (1.0.0)
    package23993 (1.0.0)
    package23994 (1.0.0)
    package23995 (1.0.0)
    package23996 (1.0.0)
    package23997 (1.0.0)
    package23998 (1.0.0)
    package23999 (1.0.0)
    package24000 (1.0.0)
    package24001 (1.0.0)
    package24002 (1.0.0)
    package24003 (1.0.0)
    package24004 (1.0.0)
    package24005 (1.0.0)
    package24006 (1.0.0)
    package24007 (1.0.0)
    package24008 (1.0.0)
    package24009 (1.0.0)
    package24010 (1.0.0)
    package24011 (1.0.0)
    package24012 (1.0.0)
    package24013 (1.0.0)
    package24014 (1.0.0)
    package24015 (1.0.0)
    package24016 (1.0.0)
    package24017 (1.0.0)
    package24018 (1.0.0)
    package24019 (1.0.0)
    package24020 (1.0.0)
    package24021 (1.0.0)
    package24022 (1.0.0)
    package24023 (1.0.0)
    package24024 (1.0.0)
    package24025 (1.0.0)
    package24026 (1.0.0)
    package24027 (1.0.0)
    package24028 (1.0.0)
    package24029 (1.0.0)
    package24030 (1.0.0)
    package24031 (1.0.0)
    package24032 (1.0.0)
    package24033 (1.0.0)
    package24034 (1.0.0)
    package24035 (1.0.0)
    package24036 (1.0.0)
    package24037 (1.0.0)
    package24038 (1.0.0)
    package24039 (1.0.0)
    package24040 (1.0.0)
    package24041 (1.0.0)
    package24042 (1.0.0)
    package24043 (1.0.0)
    package24044 (1.0.0)
    package24045 (1.0.0)
    package24046 (1.0.0)
    package24047 (1.0.0)
    package24048 (1.0.0)
    package24049 (1.0.0)
    package24050 (1.0.0)
    package24051 (1.0.0)
    package24052 (1.0.0)
    package24053 (1.0.0)
    package24054 (1.0.0)
    package24055 (1.0.0)
    package24056 (1.0.0)
    package24057 (1.0.0)
    package24058 (1.0.0)
    package24059 (1.0.0)
    package24060 (1.0.0)
    package24061 (1.0.0)
    package24062 (1.0.0)
    package24063 (1.0.0)
    package24064 (1.0.0)
    package24065 (1.0.0)
    package24066 (1.0.0)
    package24067 (1.0.0)
    package24068 (1.0.0)
    package24069 (1.0.0)
    package24070 (1.0.0)
    package24071 (1.0.0)
    package24072 (1.0.0)
    package24073 (1.0.0)
    package24074 (1.0.0)
    package24075 (1.0.0)
    package24076 (1.0.0)
    package24077 (1.0.0)
    package24078 (1.0.0)
    package24079 (1.0.0)
    package24080 (1.0.0)
    package24081 (1.0.0)
    package24082 (1.0.0)
    package24083 (1.0.0)
    package24084 (1.0.0)
    package24085 (1.0.0)
    package24086 (1.0.0)
    package24087 (1.0.0)
    package24088 (1.0.0)
    package24089 (1.0.0)
    package24090 (1.0.0)
    package24091 (1.0.0)
    package24092 (1.0.0)
    package24093 (1.0.0)
    package24094 (1.0.0)
    package24095 (1.0.0)
    package24096 (1.0.0)
    package24097 (1.0.0)
    package24098 (1.0.0)
    package24099 (1.0.0)
    package24100 (1.0.0)
    package24101 (1.0.0)
    package24102 (1.0.0)
    package24103 (1.0.0)
    package24104 (1.0.0)
    package24105 (1.0.0)
    package24106 (1.0.0)
    package24107 (1.0.0)
    package24108 (1.0.0)
    package24109 (1.0.0)
    package24110 (1.0.0)
    package24111 (1.0.0)
    package24112 (1.0.0)
    package24113 (1.0.0)
    package24114 (1.0.0)
    package24115 (1.0.0)
    package24116 (1.0.0)
    package24117 (1.0.0)
    package24118 (1.0.0)
    package24119 (1.0.0)
    package24120 (1.0.0)
    package24121 (1.0.0)
    package24122 (1.0.0)
    package24123 (1.0.0)
    package24124 (1.0.0)
    package24125 (1.0.0)
    package24126 (1.0.0)
    package24127 (1.0.0)
    package24128 (1.0.0)
    package24129 (1.0.0)
    package24130 (1.0.0)
    package24131 (1.0.0)
    package24132 (1.0.0)
    package24133 (1.0.0)
    package24134 (1.0.0)
    package24135 (1.0.0)
    package24136 (1.0.0)
    package24137 (1.0.0)
    package24138 (1.0.0)
    package24139 (1.0.0)
    package24140 (1.0.0)
    package24141 (1.0.0)
    package24142 (1.0.0)
    package24143 (1.0.0)
    package24144 (1.0.0)
    package24145 (1.0.0)
    package24146 (1.0.0)
    package24147 (1.0.0)
    package24148 (1.0.0)
    package24149 (1.0.0)
    package24150 (1.0.0)
    package24151 (1.0.0)
    package24152 (1.0.0)
    package24153 (1.0.0)
    package24154 (1.0.0)
    package24155 (1.0.0)
    package24156 (1.0.0)
    package24157 (1.0.0)
    package24158 (1.0.0)
    package24159 (1.0.0)
    package24160 (1.0.0)
    package24161 (1.0.0)
    package24162 (1.0.0)
    package24163 (1.0.0)
    package24164 (1.0.0)
    package24165 (1.0.0)
    package24166 (1.0.0)
    package24167 (1.0.0)
    package24168 (1.0.0)
    package24169 (1.0.0)
    package24170 (1.0.0)
    package24171 (1.0.0)
    package24172 (1.0.0)
    package24173 (1.0.0)
    package24174 (1.0.0)
    package24175 (1.0.0)
    package24176 (1.0.0)
    package24177 (1.0.0)
    package24178 (1.0.0)
    package24179 (1.0.0)
    package24180 (1.0.0)
    package24181 (1.0.0)
    package24182 (1.0.0)
    package24183 (1.0.0)
    package24184 (1.0.0)
    package24185 (1.0.0)
    package24186 (1.0.0)
    package24187 (1.0.0)
    package24188 (1.0.0)
    package24189 (1.0.0)
    package24190 (1.0.0)
    package24191 (1.0.0)
    package24192 (1.0.0)
    package24193 (1.0.0)
    package24194 (1.0.0)
    package24195 (1.0.0)
    package24196 (1.0.0)
    package24197 (1.0.0)
    package24198 (1.0.0)
    package24199 (1.0.0)
    package24200 (1.0.0)
    package24201 (1.0.0)
    package24202 (1.0.0)
    package24203 (1.0.0)
    package24204 (1.0.0)
    package24205 (1.0.0)
    package24206 (1.0.0)
    package24207 (1.0.0)
    package24208 (1.0.0)
    package24209 (1.0.0)
    package24210 (1.0.0)
    package24211 (1.0.0)
    package24212 (1.0.0)
    package24213 (1.0.0)
    package24214 (1.0.0)
    package24215 (1.0.0)
    package24216 (1.0.0)
    package24217 (1.0.0)
    package24218 (1.0.0)
    package24219 (1.0.0)
    package24220 (1.0.0)
    package24221 (1.0.0)
    package24222 (1.0.0)
    package24223 (1.0.0)
    package24224 (1.0.0)
    package24225 (1.0.0)
    package24226 (1.0.0)
    package24227 (1.0.0)
    package24228 (1.0.0)
    package24229 (1.0.0)
    package24230 (1.0.0)
    package24231 (1.0.0)
    package24232 (1.0.0)
    package24233 (1.0.0)
    package24234 (1.0.0)
    package24235 (1.0.0)
    package24236 (1.0.0)
    package24237 (1.0.0)
    package24238 (1.0.0)
    package24239 (1.0.0)
    package24240 (1.0.0)
    package24241 (1.0.0)
    package24242 (1.0.0)
    package24243 (1.0.0)
    package24244 (1.0.0)
    package24245 (1.0.0)
    package24246 (1.0.0)
    package24247 (1.0.0)
    package24248 (1.0.0)
    package24249 (1.0.0)
    package24250 (1.0.0)
    package24251 (1.0.0)
    package24252 (1.0.0)
    package24253 (1.0.0)
    package24254 (1.0.0)
    package24255 (1.0.0)
    package24256 (1.0.0)
    package24257 (1.0.0)
    package24258 (1.0.0)
    package24259 (1.0.0)
    package24260 (1.0.0)
    package24261 (1.0.0)
    package24262 (1.0.0)
    package24263 (1.0.0)
    package24264 (1.0.0)
    package24265 (1.0.0)
    package24266 (1.0.0)
    package24267 (1.0.0)
    package24268 (1.0.0)
    package24269 (1.0.0)
    package24270 (1.0.0)
    package24271 (1.0.0)
    package24272 (1.0.0)
    package24273 (1.0.0)
    package24274 (1.0.0)
    package24275 (1.0.0)
    package24276 (1.0.0)
    package24277 (1.0.0)
    package24278 (1.0.0)
    package24279 (1.0.0)
    package24280 (1.0.0)
    package24281 (1.0.0)
    package24282 (1.0.0)
    package24283 (1.0.0)
    package24284 (1.0.0)
    package24285 (1.0.0)
    package24286 (1.0.0)
    package24287 (1.0.0)
    package24288 (1.0.0)
    package24289 (1.0.0)
    package24290 (1.0.0)
    package24291 (1.0.0)
    package24292 (1.0.0)
    package24293 (1.0.0)
    package24294 (1.0.0)
    package24295 (1.0.0)
    package24296 (1.0.0)
    package24297 (1.0.0)
    package24298 (1.0.0)
    package24299 (1.0.0)
    package24300 (1.0.0)
    package24301 (1.0.0)
    package24302 (1.0.0)
    package24303 (1.0.0)
    package24304 (1.0.0)
    package24305 (1.0.0)
    package24306 (1.0.0)
    package24307 (1.0.0)
    package24308 (1.0.0)
    package24309 (1.0.0)
    package24310 (1.0.0)
    package24311 (1.0.0)
    package24312 (1.0.0)
    package24313 (1.0.0)
    package24314 (1.0.0)
    package24315 (1.0.0)
    package24316 (1.0.0)
    package24317 (1.0.0)
    package24318 (1.0.0)
    package24319 (1.0.0)
    package24320 (1.0.0)
    package24321 (1.0.0)
    package24322 (1.0.0)
    package24323 (1.0.0)
    package24324 (1.0.0)
    package24325 (1.0.0)
    package24326 (1.0.0)
    package24327 (1.0.0)
    package24328 (1.0.0)
    package24329 (1.0.0)
    package24330 (1.0.0)
    package24331 (1.0.0)
    package24332 (1.0.0)
    package24333 (1.0.0)
    package24334 (1.0.0)
    package24335 (1.0.0)
    package24336 (1.0.0)
    package24337 (1.0.0)
    package24338 (1.0.0)
    package24339 (1.0.0)
    package24340 (1.0.0)
    package24341 (1.0.0)
    package24342 (1.0.0)
    package24343 (1.0.0)
    package24344 (1.0.0)
    package24345 (1.0.0)
    package24346 (1.0.0)
    package24347 (1.0.0)
    package24348 (1.0.0)
    package24349 (1.0.0)
    package24350 (1.0.0)
    package24351 (1.0.0)
    package24352 (1.0.0)
    package24353 (1.0.0)
    package24354 (1.0.0)
    package24355 (1.0.0)
    package24356 (1.0.0)
    package24357 (1.0.0)
    package24358 (1.0.0)
    package24359 (1.0.0)
    package24360 (1.0.0)
    package24361 (1.0.0)
    package24362 (1.0.0)
    package24363 (1.0.0)
    package24364 (1.0.0)
    package24365 (1.0.0)
    package24366 (1.0.0)
    package24367 (1.0.0)
    package24368 (1.0.0)
    package24369 (1.0.0)
    package24370 (1.0.0)
    package24371 (1.0.0)
    package24372 (1.0.0)
    package24373 (1.0.0)
    package24374 (1.0.0)
    package24375 (1.0.0)
    package24376 (1.0.0)
    package24377 (1.0.0)
    package24378 (1.0.0)
    package24379 (1.0.0)
    package24380 (1.0.0)
    package24381 (1.0.0)
    package24382 (1.0.0)
    package24383 (1.0.0)
    package24384 (1.0.0)
    package24385 (1.0.0)
    package24386 (1.0.0)
    package24387 (1.0.0)
    package24388 (1.0.0)
    package24389 (1.0.0)
    package24390 (1.0.0)
    package24391 (1.0.0)
    package24392 (1.0.0)
    package24393 (1.0.0)
    package24394 (1.0.0)
    package24395 (1.0.0)
    package24396 (1.0.0)
    package24397 (1.0.0)
    package24398 (1.0.0)
    package24399 (1.0.0)
    package24400 (1.0.0)
    package24401 (1.0.0)
    package24402 (1.0.0)
    package24403 (1.0.0)
    package24404 (1.0.0)
    package24405 (1.0.0)
    package24406 (1.0.0)
    package24407 (1.0.0)
    package24408 (1.0.0)
    package24409 (1.0.0)
    package24410 (1.0.0)
    package24411 (1.0.0)
    package24412 (1.0.0)
    package24413 (1.0.0)
    package24414 (1.0.0)
    package24415 (1.0.0)
    package24416 (1.0.0)
    package24417 (1.0.0)
    package24418 (1.0.0)
    package24419 (1.0.0)
    package24420 (1.0.0)
    package24421 (1.0.0)
    package24422 (1.0.0)
    package24423 (1.0.0)
    package24424 (1.0.0)
    package24425 (1.0.0)
    package24426 (1.0.0)
    package24427 (1.0.0)
    package24428 (1.0.0)
    package24429 (1.0.0)
    package24430 (1.0.0)
    package24431 (1.0.0)
    package24432 (1.0.0)
    package24433 (1.0.0)
    package24434 (1.0.0)
    package24435 (1.0.0)
    package24436 (1.0.0)
    package24437 (1.0.0)
    package24438 (1.0.0)
    package24439 (1.0.0)
    package24440 (1.0.0)
    package24441 (1.0.0)
    package24442 (1.0.0)
    package24443 (1.0.0)
    package24444 (1.0.0)
    package24445 (1.0.0)
    package24446 (1.0.0)
    package24447 (1.0.0)
    package24448 (1.0.0)
    package24449 (1.0.0)
    package24450 (1.0.0)
    package24451 (1.0.0)
    package24452 (1.0.0)
    package24453 (1.0.0)
    package24454 (1.0.0)
    package24455 (1.0.0)
    package24456 (1.0.0)
    package24457 (1.0.0)
    package24458 (1.0.0)
    package24459 (1.0.0)
    package24460 (1.0.0)
    package24461 (1.0.0)
    package24462 (1.0.0)
    package24463 (1.0.0)
    package24464 (1.0.0)
    package24465 (1.0.0)
    package24466 (1.0.0)
    package24467 (1.0.0)
    package24468 (1.0.0)
    package24469 (1.0.0)
    package24470 (1.0.0)
    package24471 (1.0.0)
    package24472 (1.0.0)
    package24473 (1.0.0)
    package24474 (1.0.0)
    package24475 (1.0.0)
    package24476 (1.0.0)
    package24477 (1.0.0)
    package24478 (1.0.0)
    package24479 (1.0.0)
    package24480 (1.0.0)
    package24481 (1.0.0)
    package24482 (1.0.0)
    package24483 (1.0.0)
    package24484 (1.0.0)
    package24485 (1.0.0)
    package24486 (1.0.0)
    package24487 (1.0.0)
    package24488 (1.0.0)
    package24489 (1.0.0)
    package24490 (1.0.0)
    package24491 (1.0.0)
    package24492 (1.0.0)
    package24493 (1.0.0)
    package24494 (1.0.0)
    package24495 (1.0.0)
    package24496 (1.0.0)
    package24497 (1.0.0)
    package24498 (1.0.0)
    package24499 (1.0.0)
    package24500 (1.0.0)
    package24501 (1.0.0)
    package24502 (1.0.0)
    package24503 (1.0.0)
    package24504 (1.0.0)
    package24505 (1.0.0)
    package24506 (1.0.0)
    package24507 (1.0.0)
    package24508 (1.0.0)
    package24509 (1.0.0)
    package24510 (1.0.0)
    package24511 (1.0.0)
    package24512 (1.0.0)
    package24513 (1.0.0)
    package24514 (1.0.0)
    package24515 (1.0.0)
    package24516 (1.0.0)
    package24517 (1.0.0)
    package24518 (1.0.0)
    package24519 (1.0.0)
    package24520 (1.0.0)
    package24521 (1.0.0)
    package24522 (1.0.0)
    package24523 (1.0.0)
    package24524 (1.0.0)
    package24525 (1.0.0)
    package24526 (1.0.0)
    package24527 (1.0.0)
    package24528 (1.0.0)
    package24529 (1.0.0)
    package24530 (1.0.0)
    package24531 (1.0.0)
    package24532 (1.0.0)
    package24533 (1.0.0)
    package24534 (1.0.0)
    package24535 (1.0.0)
    package24536 (1.0.0)
    package24537 (1.0.0)
    package24538 (1.0.0)
    package24539 (1.0.0)
    package24540 (1.0.0)
    package24541 (1.0.0)
    package24542 (1.0.0)
    package24543 (1.0.0)
    package24544 (1.0.0)
    package24545 (1.0.0)
    package24546 (1.0.0)
    package24547 (1.0.0)
    package24548 (1.0.0)
    package24549 (1.0.0)
    package24550 (1.0.0)
    package24551 (1.0.0)
    package24552 (1.0.0)
    package24553 (1.0.0)
    package24554 (1.0.0)
    package24555 (1.0.0)
    package24556 (1.0.0)
    package24557 (1.0.0)
    package24558 (1.0.0)
    package24559 (1.0.0)
    package24560 (1.0.0)
    package24561 (1.0.0)
    package24562 (1.0.0)
    package24563 (1.0.0)
    package24564 (1.0.0)
    package24565 (1.0.0)
    package24566 (1.0.0)
    package24567 (1.0.0)
    package24568 (1.0.0)
    package24569 (1.0.0)
    package24570 (1.0.0)
    package24571 (1.0.0)
    package24572 (1.0.0)
    package24573 (1.0.0)
    package24574 (1.0.0)
    package24575 (1.0.0)
    package24576 (1.0.0)
    package24577 (1.0.0)
    package24578 (1.0.0)
    package24579 (1.0.0)
    package24580 (1.0.0)
    package24581 (1.0.0)
    package24582 (1.0.0)
    package24583 (1.0.0)
    package24584 (1.0.0)
    package24585 (1.0.0)
    package24586 (1.0.0)
    package24587 (1.0.0)
    package24588 (1.0.0)
    package24589 (1.0.0)
    package24590 (1.0.0)
    package24591 (1.0.0)
    package24592 (1.0.0)
    package24593 (1.0.0)
    package24594 (1.0.0)
    package24595 (1.0.0)
    package24596 (1.0.0)
    package24597 (1.0.0)
    package24598 (1.0.0)
    package24599 (1.0.0)
    package24600 (1.0.0)
    package24601 (1.0.0)
    package24602 (1.0.0)
    package24603 (1.0.0)
    package24604 (1.0.0)
    package24605 (1.0.0)
    package24606 (1.0.0)
    package24607 (1.0.0)
    package24608 (1.0.0)
    package24609 (1.0.0)
    package24610 (1.0.0)
    package24611 (1.0.0)
    package24612 (1.0.0)
    package24613 (1.0.0)
    package24614 (1.0.0)
    package24615 (1.0.0)
    package24616 (1.0.0)
    package24617 (1.0.0)
    package24618 (1.0.0)
    package24619 (1.0.0)
    package24620 (1.0.0)
    package24621 (1.0.0)
    package24622 (1.0.0)
    package24623 (1.0.0)
    package24624 (1.0.0)
    package24625 (1.0.0)
    package24626 (1.0.0)
    package24627 (1.0.0)
    package24628 (1.0.0)
    package24629 (1.0.0)
    package24630 (1.0.0)
    package24631 (1.0.0)
    package24632 (1.0.0)
    package24633 (1.0.0)
    package24634 (1.0.0)
    package24635 (1.0.0)
    package24636 (1.0.0)
    package24637 (1.0.0)
    package24638 (1.0.0)
    package24639 (1.0.0)
    package24640 (1.0.0)
    package24641 (1.0.0)
    package24642 (1.0.0)
    package24643 (1.0.0)
    package24644 (1.0.0)
    package24645 (1.0.0)
    package24646 (1.0.0)
    package24647 (1.0.0)
    package24648 (1.0.0)
    package24649 (1.0.0)
    package24650 (1.0.0)
    package24651 (1.0.0)
    package24652 (1.0.0)
    package24653 (1.0.0)
    package24654 (1.0.0)
    package24655 (1.0.0)
    package24656 (1.0.0)
    package24657 (1.0.0)
    package24658 (1.0.0)
    package24659 (1.0.0)
    package24660 (1.0.0)
    package24661 (1.0.0)
    package24662 (1.0.0)
    package24663 (1.0.0)
    package24664 (1.0.0)
    package24665 (1.0.0)
    package24666 (1.0.0)
    package24667 (1.0.0)
    package24668 (1.0.0)
    package24669 (1.0.0)
    package24670 (1.0.0)
    package24671 (1.0.0)
    package24672 (1.0.0)
    package24673 (1.0.0)
    package24674 (1.0.0)
    package24675 (1.0.0)
    package24676 (1.0.0)
    package24677 (1.0.0)
    package24678 (1.0.0)
    package24679 (1.0.0)
    package24680 (1.0.0)
    package24681 (1.0.0)
    package24682 (1.0.0)
    package24683 (1.0.0)
    package24684 (1.0.0)
    package24685 (1.0.0)
    package24686 (1.0.0)
    package24687 (1.0.0)
    package24688 (1.0.0)
    package24689 (1.0.0)
    package24690 (1.0.0)
    package24691 (1.0.0)
    package24692 (1.0.0)
    package24693 (1.0.0)
    package24694 (1.0.0)
    package24695 (1.0.0)
    package24696 (1.0.0)
    package24697 (1.0.0)
    package24698 (1.0.0)
    package24699 (1.0.0)
    package24700 (1.0.0)
    package24701 (1.0.0)
    package24702 (1.0.0)
    package24703 (1.0.0)
    package24704 (1.0.0)
    package24705 (1.0.0)
    package24706 (1.0.0)
    package24707 (1.0.0)
    package24708 (1.0.0)
    package24709 (1.0.0)
    package24710 (1.0.0)
    package24711 (1.0.0)
    package24712 (1.0.0)
    package24713 (1.0.0)
    package24714 (1.0.0)
    package24715 (1.0.0)
    package24716 (1.0.0)
    package24717 (1.0.0)
    package24718 (1.0.0)
    package24719 (1.0.0)
    package24720 (1.0.0)
    package24721 (1.0.0)
    package24722 (1.0.0)
    package24723 (1.0.0)
    package24724 (1.0.0)
    package24725 (1.0.0)
    package24726 (1.0.0)
    package24727 (1.0.0)
    package24728 (1.0.0)
    package24729 (1.0.0)
    package24730 (1.0.0)
    package24731 (1.0.0)
    package24732 (1.0.0)
    package24733 (1.0.0)
    package24734 (1.0.0)
    package24735 (1.0.0)
    package24736 (1.0.0)
    package24737 (1.0.0)
    package24738 (1.0.0)
    package24739 (1.0.0)
    package24740 (1.0.0)
    package24741 (1.0.0)
    package24742 (1.0.0)
    package24743 (1.0.0)
    package24744 (1.0.0)
    package24745 (1.0.0)
    package24746 (1.0.0)
    package24747 (1.0.0)
    package24748 (1.0.0)
    package24749 (1.0.0)
    package24750 (1.0.0)
    package24751 (1.0.0)
    package24752 (1.0.0)
    package24753 (1.0.0)
    package24754 (1.0.0)
    package24755 (1.0.0)
    package24756 (1.0.0)
    package24757 (1.0.0)
    package24758 (1.0.0)
    package24759 (1.0.0)
    package24760 (1.0.0)
    package24761 (1.0.0)
    package24762 (1.0.0)
    package24763 (1.0.0)
    package24764 (1.0.0)
    package24765 (1.0.0)
    package24766 (1.0.0)
    package24767 (1.0.0)
    package24768 (1.0.0)
    package24769 (1.0.0)
    package24770 (1.0.0)
    package24771 (1.0.0)
    package24772 (1.0.0)
    package24773 (1.0.0)
    package24774 (1.0.0)
    package24775 (1.0.0)
    package24776 (1.0.0)
    package24777 (1.0.0)
    package24778 (1.0.0)
    package24779 (1.0.0)
    package24780 (1.0.0)
    package24781 (1.0.0)
    package24782 (1.0.0)
    package24783 (1.0.0)
    package24784 (1.0.0)
    package24785 (1.0.0)
    package24786 (1.0.0)
    package24787 (1.0.0)
    package24788 (1.0.0)
    package24789 (1.0.0)
    package24790 (1.0.0)
    package24791 (1.0.0)
    package24792 (1.0.0)
    package24793 (1.0.0)
    package24794 (1.0.0)
    package24795 (1.0.0)
    package24796 (1.0.0)
    package24797 (1.0.0)
    package24798 (1.0.0)
    package24799 (1.0.0)
    package24800 (1.0.0)
    package24801 (1.0.0)
    package24802 (1.0.0)
    package24803 (1.0.0)
    package24804 (1.0.0)
    package24805 (1.0.0)
    package24806 (1.0.0)
    package24807 (1.0.0)
    package24808 (1.0.0)
    package24809 (1.0.0)
    package24810 (1.0.0)
    package24811 (1.0.0)
    package24812 (1.0.0)
    package24813 (1.0.0)
    package24814 (1.0.0)
    package24815 (1.0.0)
    package24816 (1.0.0)
    package24817 (1.0.0)
    package24818 (1.0.0)
    package24819 (1.0.0)
    package24820 (1.0.0)
    package24821 (1.0.0)
    package24822 (1.0.0)
    package24823 (1.0.0)
    package24824 (1.0.0)
    package24825 (1.0.0)
    package24826 (1.0.0)
    package24827 (1.0.0)
    package24828 (1.0.0)
    package24829 (1.0.0)
    package24830 (1.0.0)
    package24831 (1.0.0)
    package24832 (1.0.0)
    package24833 (1.0.0)
    package24834 (1.0.0)
    package24835 (1.0.0)
    package24836 (1.0.0)
    package24837 (1.0.0)
    package24838 (1.0.0)
    package24839 (1.0.0)
    package24840 (1.0.0)
    package24841 (1.0.0)
    package24842 (1.0.0)
    package24843 (1.0.0)
    package24844 (1.0.0)
    package24845 (1.0.0)
    package24846 (1.0.0)
    package24847 (1.0.0)
    package24848 (1.0.0)
    package24849 (1.0.0)
    package24850 (1.0.0)
    package24851 (1.0.0)
    package24852 (1.0.0)
    package24853 (1.0.0)
    package24854 (1.0.0)
    package24855 (1.0.0)
    package24856 (1.0.0)
    package24857 (1.0.0)
    package24858 (1.0.0)
    package24859 (1.0.0)
    package24860 (1.0.0)
    package24861 (1.0.0)
    package24862 (1.0.0)
    package24863 (1.0.0)
    package24864 (1.0.0)
    package24865 (1.0.0)
    package24866 (1.0.0)
    package24867 (1.0.0)
    package24868 (1.0.0)
    package24869 (1.0.0)
    package24870 (1.0.0)
    package24871 (1.0.0)
    package24872 (1.0.0)
    package24873 (1.0.0)
    package24874 (1.0.0)
    package24875 (1.0.0)
    package24876 (1.0.0)
    package24877 (1.0.0)
    package24878 (1.0.0)
    package24879 (1.0.0)
    package24880 (1.0.0)
    package24881 (1.0.0)
    package24882 (1.0.0)
    package24883 (1.0.0)
    package24884 (1.0.0)
    package24885 (1.0.0)
    package24886 (1.0.0)
    package24887 (1.0.0)
    package24888 (1.0.0)
    package24889 (1.0.0)
    package24890 (1.0.0)
    package24891 (1.0.0)
    package24892 (1.0.0)
    package24893 (1.0.0)
    package24894 (1.0.0)
    package24895 (1.0.0)
    package24896 (1.0.0)
    package24897 (1.0.0)
    package24898 (1.0.0)
    package24899 (1.0.0)
    package24900 (1.0.0)
    package24901 (1.0.0)
    package24902 (1.0.0)
    package24903 (1.0.0)
    package24904 (1.0.0)
    package24905 (1.0.0)
    package24906 (1.0.0)
    package24907 (1.0.0)
    package24908 (1.0.0)
    package24909 (1.0.0)
    package24910 (1.0.0)
    package24911 (1.0.0)
    package24912 (1.0.0)
    package24913 (1.0.0)
    package24914 (1.0.0)
    package24915 (1.0.0)
    package24916 (1.0.0)
    package24917 (1.0.0)
    package24918 (1.0.0)
    package24919 (1.0.0)
    package24920 (1.0.0)
    package24921 (1.0.0)
    package24922 (1.0.0)
    package24923 (1.0.0)
    package24924 (1.0.0)
    package24925 (1.0.0)
    package24926 (1.0.0)
    package24927 (1.0.0)
    package24928 (1.0.0)
    package24929 (1.0.0)
    package24930 (1.0.0)
    package24931 (1.0.0)
    package24932 (1.0.0)
    package24933 (1.0.0)
    package24934 (1.0.0)
    package24935 (1.0.0)
    package24936 (1.0.0)
    package24937 (1.0.0)
    package24938 (1.0.0)
    package24939 (1.0.0)
    package24940 (1.0.0)
    package24941 (1.0.0)
    package24942 (1.0.0)
    package24943 (1.0.0)
    package24944 (1.0.0)
    package24945 (1.0.0)
    package24946 (1.0.0)
    package24947 (1.0.0)
    package24948 (1.0.0)
    package24949 (1.0.0)
    package24950 (1.0.0)
    package24951 (1.0.0)
    package24952 (1.0.0)
    package24953 (1.0.0)
    package24954 (1.0.0)
    package24955 (1.0.0)
    package24956 (1.0.0)
    package24957 (1.0.0)
    package24958 (1.0.0)
    package24959 (1.0.0)
    package24960 (1.0.0)
    package24961 (1.0.0)
    package24962 (1.0.0)
    package24963 (1.0.0)
    package24964 (1.0.0)
    package24965 (1.0.0)
    package24966 (1.0.0)
    package24967 (1.0.0)
    package24968 (1.0.0)
    package24969 (1.0.0)
    package24970 (1.0.0)
    package24971 (1.0.0)
    package24972 (1.0.0)
    package24973 (1.0.0)
    package24974 (1.0.0)
    package24975 (1.0.0)
    package24976 (1.0.0)
    package24977 (1.0.0)
    package24978 (1.0.0)
    package24979 (1.0.0)
    package24980 (1.0.0)
    package24981 (1.0.0)
    package24982 (1.0.0)
    package24983 (1.0.0)
    package24984 (1.0.0)
    package24985 (1.0.0)
    package24986 (1.0.0)
    package24987 (1.0.0)
    package24988 (1.0.0)
    package24989 (1.0.0)
    package24990 (1.0.0)
    package24991 (1.0.0)
    package24992 (1.0.0)
    package24993 (1.0.0)
    package24994 (1.0.0)
    package24995 (1.0.0)
    package24996 (1.0.0)
    package24997 (1.0.0)
    package24998 (1.0.0)
    package24999 (1.0.0)
    package25000 (1.0.0)
    package25001 (1.0.0)
    package25002 (1.0.0)
    package25003 (1.0.0)
    package25004 (1.0.0)
    package25005 (1.0.0)
    package25006 (1.0.0)
    package25007 (1.0.0)
    package25008 (1.0.0)
    package25009 (1.0.0)
    package25010 (1.0.0)
    package25011 (1.0.0)
    package25012 (1.0.0)
    package25013 (1.0.0)
    package25014 (1.0.0)
    package25015 (1.0.0)
    package25016 (1.0.0)
    package25017 (1.0.0)
    package25018 (1.0.0)
    package25019 (1.0.0)
    package25020 (1.0.0)
    package25021 (1.0.0)
    package25022 (1.0.0)
    package25023 (1.0.0)
    package25024 (1.0.0)
    package25025 (1.0.0)
    package25026 (1.0.0)
    package25027 (1.0.0)
    package25028 (1.0.0)
    package25029 (1.0.0)
    package25030 (1.0.0)
    package25031 (1.0.0)
    package25032 (1.0.0)
    package25033 (1.0.0)
    package25034 (1.0.0)
    package25035 (1.0.0)
    package25036 (1.0.0)
    package25037 (1.0.0)
    package25038 (1.0.0)
    package25039 (1.0.0)
    package25040 (1.0.0)
    package25041 (1.0.0)
    package25042 (1.0.0)
    package25043 (1.0.0)
    package25044 (1.0.0)
    package25045 (1.0.0)
    package25046 (1.0.0)
    package25047 (1.0.0)
    package25048 (1.0.0)
    package25049 (1.0.0)
    package25050 (1.0.0)
    package25051 (1.0.0)
    package25052 (1.0.0)
    package25053 (1.0.0)
    package25054 (1.0.0)
    package25055 (1.0.0)
    package25056 (1.0.0)
    package25057 (1.0.0)
    package25058 (1.0.0)
    package25059 (1.0.0)
    package25060 (1.0.0)
    package25061 (1.0.0)
    package25062 (1.0.0)
    package25063 (1.0.0)
    package25064 (1.0.0)
    package25065 (1.0.0)
    package25066 (1.0.0)
    package25067 (1.0.0)
    package25068 (1.0.0)
    package25069 (1.0.0)
    package25070 (1.0.0)
    package25071 (1.0.0)
    package25072 (1.0.0)
    package25073 (1.0.0)
    package25074 (1.0.0)
    package25075 (1.0.0)
    package25076 (1.0.0)
    package25077 (1.0.0)
    package25078 (1.0.0)
    package25079 (1.0.0)
    package25080 (1.0.0)
    package25081 (1.0.0)
    package25082 (1.0.0)
    package25083 (1.0.0)
    package25084 (1.0.0)
    package25085 (1.0.0)
    package25086 (1.0.0)
    package25087 (1.0.0)
    package25088 (1.0.0)
    package25089 (1.0.0)
    package25090 (1.0.0)
    package25091 (1.0.0)
    package25092 (1.0.0)
    package25093 (1.0.0)
    package25094 (1.0.0)
    package25095 (1.0.0)
    package25096 (1.0.0)
    package25097 (1.0.0)
    package25098 (1.0.0)
    package25099 (1.0.0)
    package25100 (1.0.0)
    package25101 (1.0.0)
    package25102 (1.0.0)
    package25103 (1.0.0)
    package25104 (1.0.0)
    package25105 (1.0.0)
    package25106 (1.0.0)
    package25107 (1.0.0)
    package25108 (1.0.0)
    package25109 (1.0.0)
    package25110 (1.0.0)
    package25111 (1.0.0)
    package25112 (1.0.0)
    package25113 (1.0.0)
    package25114 (1.0.0)
    package25115 (1.0.0)
    package25116 (1.0.0)
    package25117 (1.0.0)
    package25118 (1.0.0)
    package25119 (1.0.0)
    package25120 (1.0.0)
    package25121 (1.0.0)
    package25122 (1.0.0)
    package25123 (1.0.0)
    package25124 (1.0.0)
    package25125 (1.0.0)
    package25126 (1.0.0)
    package25127 (1.0.0)
    package25128 (1.0.0)
    package25129 (1.0.0)
    package25130 (1.0.0)
    package25131 (1.0.0)
    package25132 (1.0.0)
    package25133 (1.0.0)
    package25134 (1.0.0)
    package25135 (1.0.0)
    package25136 (1.0.0)
    package25137 (1.0.0)
    package25138 (1.0.0)
    package25139 (1.0.0)
    package25140 (1.0.0)
    package25141 (1.0.0)
    package25142 (1.0.0)
    package25143 (1.0.0)
    package25144 (1.0.0)
    package25145 (1.0.0)
    package25146 (1.0.0)
    package25147 (1.0.0)
    package25148 (1.0.0)
    package25149 (1.0.0)
    package25150 (1.0.0)
    package25151 (1.0.0)
    package25152 (1.0.0)
    package25153 (1.0.0)
    package25154 (1.0.0)
    package25155 (1.0.0)
    package25156 (1.0.0)
    package25157 (1.0.0)
    package25158 (1.0.0)
    package25159 (1.0.0)
    package25160 (1.0.0)
    package25161 (1.0.0)
    package25162 (1.0.0)
    package25163 (1.0.0)
    package25164 (1.0.0)
    package25165 (1.0.0)
    package25166 (1.0.0)
    package25167 (1.0.0)
    package25168 (1.0.0)
    package25169 (1.0.0)
    package25170 (1.0.0)
    package25171 (1.0.0)
    package25172 (1.0.0)
    package25173 (1.0.0)
    package25174 (1.0.0)
    package25175 (1.0.0)
    package25176 (1.0.0)
    package25177 (1.0.0)
    package25178 (1.0.0)
    package25179 (1.0.0)
    package25180 (1.0.0)
    package25181 (1.0.0)
    package25182 (1.0.0)
    package25183 (1.0.0)
    package25184 (1.0.0)
    package25185 (1.0.0)
    package25186 (1.0.0)
    package25187 (1.0.0)
    package25188 (1.0.0)
    package25189 (1.0.0)
    package25190 (1.0.0)
    package25191 (1.0.0)
    package25192 (1.0.0)
    package25193 (1.0.0)
    package25194 (1.0.0)
    package25195 (1.0.0)
    package25196 (1.0.0)
    package25197 (1.0.0)
    package25198 (1.0.0)
    package25199 (1.0.0)
    package25200 (1.0.0)
    package25201 (1.0.0)
    package25202 (1.0.0)
    package25203 (1.0.0)
    package25204 (1.0.0)
    package25205 (1.0.0)
    package25206 (1.0.0)
    package25207 (1.0.0)
    package25208 (1.0.0)
    package25209 (1.0.0)
    package25210 (1.0.0)
    package25211 (1.0.0)
    package25212 (1.0.0)
    package25213 (1.0.0)
    package25214 (1.0.0)
    package25215 (1.0.0)
    package25216 (1.0.0)
    package25217 (1.0.0)
    package25218 (1.0.0)
    package25219 (1.0.0)
    package25220 (1.0.0)
    package25221 (1.0.0)
    package25222 (1.0.0)
    package25223 (1.0.0)
    package25224 (1.0.0)
    package25225 (1.0.0)
    package25226 (1.0.0)
    package25227 (1.0.0)
    package25228 (1.0.0)
    package25229 (1.0.0)
    package25230 (1.0.0)
    package25231 (1.0.0)
    package25232 (1.0.0)
    package25233 (1.0.0)
    package25234 (1.0.0)
    package25235 (1.0.0)
    package25236 (1.0.0)
    package25237 (1.0.0)
    package25238 (1.0.0)
    package25239 (1.0.0)
    package25240 (1.0.0)
    package25241 (1.0.0)
    package25242 (1.0.0)
    package25243 (1.0.0)
    package25244 (1.0.0)
    package25245 (1.0.0)
    package25246 (1.0.0)
    package25247 (1.0.0)
    package25248 (1.0.0)
    package25249 (1.0.0)
    package25250 (1.0.0)
    package25251 (1.0.0)
    package25252 (1.0.0)
    package25253 (1.0.0)
    package25254 (1.0.0)
    package25255 (1.0.0)
    package25256 (1.0.0)
    package25257 (1.0.0)
    package25258 (1.0.0)
    package25259 (1.0.0)
    package25260 (1.0.0)
    package25261 (1.0.0)
    package25262 (1.0.0)
    package25263 (1.0.0)
    package25264 (1.0.0)
    package25265 (1.0.0)
    package25266 (1.0.0)
    package25267 (1.0.0)
    package25268 (1.0.0)
    package25269 (1.0.0)
    package25270 (1.0.0)
    package25271 (1.0.0)
    package25272 (1.0.0)
    package25273 (1.0.0)
    package25274 (1.0.0)
    package25275 (1.0.0)
    package25276 (1.0.0)
    package25277 (1.0.0)
    package25278 (1.0.0)
    package25279 (1.0.0)
    package25280 (1.0.0)
    package25281 (1.0.0)
    package25282 (1.0.0)
    package25283 (1.0.0)
    package25284 (1.0.0)
    package25285 (1.0.0)
    package25286 (1.0.0)
    package25287 (1.0.0)
    package25288 (1.0.0)
    package25289 (1.0.0)
    package25290 (1.0.0)
    package25291 (1.0.0)
    package25292 (1.0.0)
    package25293 (1.0.0)
    package25294 (1.0.0)
    package25295 (1.0.0)
    package25296 (1.0.0)
    package25297 (1.0.0)
    package25298 (1.0.0)
    package25299 (1.0.0)
    package25300 (1.0.0)
    package25301 (1.0.0)
    package25302 (1.0.0)
    package25303 (1.0.0)
    package25304 (1.0.0)
    package25305 (1.0.0)
    package25306 (1.0.0)
    package25307 (1.0.0)
    package25308 (1.0.0)
    package25309 (1.0.0)
    package25310 (1.0.0)
    package25311 (1.0.0)
    package25312 (1.0.0)
    package25313 (1.0.0)
    package25314 (1.0.0)
    package25315 (1.0.0)
    package25316 (1.0.0)
    package25317 (1.0.0)
    package25318 (1.0.0)
    package25319 (1.0.0)
    package25320 (1.0.0)
    package25321 (1.0.0)
    package25322 (1.0.0)
    package25323 (1.0.0)
    package25324 (1.0.0)
    package25325 (1.0.0)
    package25326 (1.0.0)
    package25327 (1.0.0)
    package25328 (1.0.0)
    package25329 (1.0.0)
    package25330 (1.0.0)
    package25331 (1.0.0)
    package25332 (1.0.0)
    package25333 (1.0.0)
    package25334 (1.0.0)
    package25335 (1.0.0)
    package25336 (1.0.0)
    package25337 (1.0.0)
    package25338 (1.0.0)
    package25339 (1.0.0)
    package25340 (1.0.0)
    package25341 (1.0.0)
    package25342 (1.0.0)
    package25343 (1.0.0)
    package25344 (1.0.0)
    package25345 (1.0.0)
    package25346 (1.0.0)
    package25347 (1.0.0)
    package25348 (1.0.0)
    package25349 (1.0.0)
    package25350 (1.0.0)
    package25351 (1.0.0)
    package25352 (1.0.0)
    package25353 (1.0.0)
    package25354 (1.0.0)
    package25355 (1.0.0)
    package25356 (1.0.0)
    package25357 (1.0.0)
    package25358 (1.0.0)
    package25359 (1.0.0)
    package25360 (1.0.0)
    package25361 (1.0.0)
    package25362 (1.0.0)
    package25363 (1.0.0)
    package25364 (1.0.0)
    package25365 (1.0.0)
    package25366 (1.0.0)
    package25367 (1.0.0)
    package25368 (1.0.0)
    package25369 (1.0.0)
    package25370 (1.0.0)
    package25371 (1.0.0)
    package25372 (1.0.0)
    package25373 (1.0.0)
    package25374 (1.0.0)
    package25375 (1.0.0)
    package25376 (1.0.0)
    package25377 (1.0.0)
    package25378 (1.0.0)
    package25379 (1.0.0)
    package25380 (1.0.0)
    package25381 (1.0.0)
    package25382 (1.0.0)
    package25383 (1.0.0)
    package25384 (1.0.0)
    package25385 (1.0.0)
    package25386 (1.0.0)
    package25387 (1.0.0)
    package25388 (1.0.0)
    package25389 (1.0.0)
    package25390 (1.0.0)
    package25391 (1.0.0)
    package25392 (1.0.0)
    package25393 (1.0.0)
    package25394 (1.0.0)
    package25395 (1.0.0)
    package25396 (1.0.0)
    package25397 (1.0.0)
    package25398 (1.0.0)
    package25399 (1.0.0)
    package25400 (1.0.0)
    package25401 (1.0.0)
    package25402 (1.0.0)
    package25403 (1.0.0)
    package25404 (1.0.0)
    package25405 (1.0.0)
    package25406 (1.0.0)
    package25407 (1.0.0)
    package25408 (1.0.0)
    package25409 (1.0.0)
    package25410 (1.0.0)
    package25411 (1.0.0)
    package25412 (1.0.0)
    package25413 (1.0.0)
    package25414 (1.0.0)
    package25415 (1.0.0)
    package25416 (1.0.0)
    package25417 (1.0.0)
    package25418 (1.0.0)
    package25419 (1.0.0)
    package25420 (1.0.0)
    package25421 (1.0.0)
    package25422 (1.0.0)
    package25423 (1.0.0)
    package25424 (1.0.0)
    package25425 (1.0.0)
    package25426 (1.0.0)
    package25427 (1.0.0)
    package25428 (1.0.0)
    package25429 (1.0.0)
    package25430 (1.0.0)
    package25431 (1.0.0)
    package25432 (1.0.0)
    package25433 (1.0.0)
    package25434 (1.0.0)
    package25435 (1.0.0)
    package25436 (1.0.0)
    package25437 (1.0.0)
    package25438 (1.0.0)
    package25439 (1.0.0)
    package25440 (1.0.0)
    package25441 (1.0.0)
    package25442 (1.0.0)
    package25443 (1.0.0)
    package25444 (1.0.0)
    package25445 (1.0.0)
    package25446 (1.0.0)
    package25447 (1.0.0)
    package25448 (1.0.0)
    package25449 (1.0.0)
    package25450 (1.0.0)
    package25451 (1.0.0)
    package25452 (1.0.0)
    package25453 (1.0.0)
    package25454 (1.0.0)
    package25455 (1.0.0)
    package25456 (1.0.0)
    package25457 (1.0.0)
    package25458 (1.0.0)
    package25459 (1.0.0)
    package25460 (1.0.0)
    package25461 (1.0.0)
    package25462 (1.0.0)
    package25463 (1.0.0)
    package25464 (1.0.0)
    package25465 (1.0.0)
    package25466 (1.0.0)
    package25467 (1.0.0)
    package25468 (1.0.0)
    package25469 (1.0.0)
    package25470 (1.0.0)
    package25471 (1.0.0)
    package25472 (1.0.0)
    package25473 (1.0.0)
    package25474 (1.0.0)
    package25475 (1.0.0)
    package25476 (1.0.0)
    package25477 (1.0.0)
    package25478 (1.0.0)
    package25479 (1.0.0)
    package25480 (1.0.0)
    package25481 (1.0.0)
    package25482 (1.0.0)
    package25483 (1.0.0)
    package25484 (1.0.0)
    package25485 (1.0.0)
    package25486 (1.0.0)
    package25487 (1.0.0)
    package25488 (1.0.0)
    package25489 (1.0.0)
    package25490 (1.0.0)
    package25491 (1.0.0)
    package25492 (1.0.0)
    package25493 (1.0.0)
    package25494 (1.0.0)
    package25495 (1.0.0)
    package25496 (1.0.0)
    package25497 (1.0.0)
    package25498 (1.0.0)
    package25499 (1.0.0)
    package25500 (1.0.0)
    package25501 (1.0.0)
    package25502 (1.0.0)
    package25503 (1.0.0)
    package25504 (1.0.0)
    package25505 (1.0.0)
    package25506 (1.0.0)
    package25507 (1.0.0)
    package25508 (1.0.0)
    package25509 (1.0.0)
    package25510 (1.0.0)
    package25511 (1.0.0)
    package25512 (1.0.0)
    package25513 (1.0.0)
    package25514 (1.0.0)
    package25515 (1.0.0)
    package25516 (1.0.0)
    package25517 (1.0.0)
    package25518 (1.0.0)
    package25519 (1.0.0)
    package25520 (1.0.0)
    package25521 (1.0.0)
    package25522 (1.0.0)
    package25523 (1.0.0)
    package25524 (1.0.0)
    package25525 (1.0.0)
    package25526 (1.0.0)
    package25527 (1.0.0)
    package25528 (1.0.0)
    package25529 (1.0.0)
    package25530 (1.0.0)
    package25531 (1.0.0)
    package25532 (1.0.0)
    package25533 (1.0.0)
    package25534 (1.0.0)
    package25535 (1.0.0)
    package25536 (1.0.0)
    package25537 (1.0.0)
    package25538 (1.0.0)
    package25539 (1.0.0)
    package25540 (1.0.0)
    package25541 (1.0.0)
    package25542 (1.0.0)
    package25543 (1.0.0)
    package25544 (1.0.0)
    package25545 (1.0.0)
    package25546 (1.0.0)
    package25547 (1.0.0)
    package25548 (1.0.0)
    package25549 (1.0.0)
    package25550 (1.0.0)
    package25551 (1.0.0)
    package25552 (1.0.0)
    package25553 (1.0.0)
    package25554 (1.0.0)
    package25555 (1.0.0)
    package25556 (1.0.0)
    package25557 (1.0.0)
    package25558 (1.0.0)
    package25559 (1.0.0)
    package25560 (1.0.0)
    package25561 (1.0.0)
    package25562 (1.0.0)
    package25563 (1.0.0)
    package25564 (1.0.0)
    package25565 (1.0.0)
    package25566 (1.0.0)
    package25567 (1.0.0)
    package25568 (1.0.0)
    package25569 (1.0.0)
    package25570 (1.0.0)
    package25571 (1.0.0)
    package25572 (1.0.0)
    package25573 (1.0.0)
    package25574 (1.0.0)
    package25575 (1.0.0)
    package25576 (1.0.0)
    package25577 (1.0.0)
    package25578 (1.0.0)
    package25579 (1.0.0)
    package25580 (1.0.0)
    package25581 (1.0.0)
    package25582 (1.0.0)
    package25583 (1.0.0)
    package25584 (1.0.0)
    package25585 (1.0.0)
    package25586 (1.0.0)
    package25587 (1.0.0)
    package25588 (1.0.0)
    package25589 (1.0.0)
    package25590 (1.0.0)
    package25591 (1.0.0)
    package25592 (1.0.0)
    package25593 (1.0.0)
    package25594 (1.0.0)
    package25595 (1.0.0)
    package25596 (1.0.0)
    package25597 (1.0.0)
    package25598 (1.0.0)
    package25599 (1.0.0)
    package25600 (1.0.0)
    package25601 (1.0.0)
    package25602 (1.0.0)
    package25603 (1.0.0)
    package25604 (1.0.0)
    package25605 (1.0.0)
    package25606 (1.0.0)
    package25607 (1.0.0)
    package25608 (1.0.0)
    package25609 (1.0.0)
    package25610 (1.0.0)
    package25611 (1.0.0)
    package25612 (1.0.0)
    package25613 (1.0.0)
    package25614 (1.0.0)
    package25615 (1.0.0)
    package25616 (1.0.0)
    package25617 (1.0.0)
    package25618 (1.0.0)
    package25619 (1.0.0)
    package25620 (1.0.0)
    package25621 (1.0.0)
    package25622 (1.0.0)
    package25623 (1.0.0)
    package25624 (1.0.0)
    package25625 (1.0.0)
    package25626 (1.0.0)
    package25627 (1.0.0)
    package25628 (1.0.0)
    package25629 (1.0.0)
    package25630 (1.0.0)
    package25631 (1.0.0)
    package25632 (1.0.0)
    package25633 (1.0.0)
    package25634 (1.0.0)
    package25635 (1.0.0)
    package25636 (1.0.0)
    package25637 (1.0.0)
    package25638 (1.0.0)
    package25639 (1.0.0)
    package25640 (1.0.0)
    package25641 (1.0.0)
    package25642 (1.0.0)
    package25643 (1.0.0)
    package25644 (1.0.0)
    package25645 (1.0.0)
    package25646 (1.0.0)
    package25647 (1.0.0)
    package25648 (1.0.0)
    package25649 (1.0.0)
    package25650 (1.0.0)
    package25651 (1.0.0)
    package25652 (1.0.0)
    package25653 (1.0.0)
    package25654 (1.0.0)
    package25655 (1.0.0)
    package25656 (1.0.0)
    package25657 (1.0.0)
    package25658 (1.0.0)
    package25659 (1.0.0)
    package25660 (1.0.0)
    package25661 (1.0.0)
    package25662 (1.0.0)
    package25663 (1.0.0)
    package25664 (1.0.0)
    package25665 (1.0.0)
    package25666 (1.0.0)
    package25667 (1.0.0)
    package25668 (1.0.0)
    package25669 (1.0.0)
    package25670 (1.0.0)
    package25671 (1.0.0)
    package25672 (1.0.0)
    package25673 (1.0.0)
    package25674 (1.0.0)
    package25675 (1.0.0)
    package25676 (1.0.0)
    package25677 (1.0.0)
    package25678 (1.0.0)
    package25679 (1.0.0)
    package25680 (1.0.0)
    package25681 (1.0.0)
    package25682 (1.0.0)
    package25683 (1.0.0)
    package25684 (1.0.0)
    package25685 (1.0.0)
    package25686 (1.0.0)
    package25687 (1.0.0)
    package25688 (1.0.0)
    package25689 (1.0.0)
    package25690 (1.0.0)
    package25691 (1.0.0)
    package25692 (1.0.0)
    package25693 (1.0.0)
    package25694 (1.0.0)
    package25695 (1.0.0)
    package25696 (1.0.0)
    package25697 (1.0.0)
    package25698 (1.0.0)
    package25699 (1.0.0)
    package25700 (1.0.0)
    package25701 (1.0.0)
    package25702 (1.0.0)
    package25703 (1.0.0)
    package25704 (1.0.0)
    package25705 (1.0.0)
    package25706 (1.0.0)
    package25707 (1.0.0)
    package25708 (1.0.0)
    package25709 (1.0.0)
    package25710 (1.0.0)
    package25711 (1.0.0)
    package25712 (1.0.0)
    package25713 (1.0.0)
    package25714 (1.0.0)
    package25715 (1.0.0)
    package25716 (1.0.0)
    package25717 (1.0.0)
    package25718 (1.0.0)
    package25719 (1.0.0)
    package25720 (1.0.0)
    package25721 (1.0.0)
    package25722 (1.0.0)
    package25723 (1.0.0)
    package25724 (1.0.0)
    package25725 (1.0.0)
    package25726 (1.0.0)
    package25727 (1.0.0)
    package25728 (1.0.0)
    package25729 (1.0.0)
    package25730 (1.0.0)
    package25731 (1.0.0)
    package25732 (1.0.0)
    package25733 (1.0.0)
    package25734 (1.0.0)
    package25735 (1.0.0)
    package25736 (1.0.0)
    package25737 (1.0.0)
    package25738 (1.0.0)
    package25739 (1.0.0)
    package25740 (1.0.0)
    package25741 (1.0.0)
    package25742 (1.0.0)
    package25743 (1.0.0)
    package25744 (1.0.0)
    package25745 (1.0.0)
    package25746 (1.0.0)
    package25747 (1.0.0)
    package25748 (1.0.0)
    package25749 (1.0.0)
    package25750 (1.0.0)
    package25751 (1.0.0)
    package25752 (1.0.0)
    package25753 (1.0.0)
    package25754 (1.0.0)
    package25755 (1.0.0)
    package25756 (1.0.0)
    package25757 (1.0.0)
    package25758 (1.0.0)
    package25759 (1.0.0)
    package25760 (1.0.0)
    package25761 (1.0.0)
    package25762 (1.0.0)
    package25763 (1.0.0)
    package25764 (1.0.0)
    package25765 (1.0.0)
    package25766 (1.0.0)
    package25767 (1.0.0)
    package25768 (1.0.0)
    package25769 (1.0.0)
    package25770 (1.0.0)
    package25771 (1.0.0)
    package25772 (1.0.0)
    package25773 (1.0.0)
    package25774 (1.0.0)
    package25775 (1.0.0)
    package25776 (1.0.0)
    package25777 (1.0.0)
    package25778 (1.0.0)
    package25779 (1.0.0)
    package25780 (1.0.0)
    package25781 (1.0.0)
    package25782 (1.0.0)
    package25783 (1.0.0)
    package25784 (1.0.0)
    package25785 (1.0.0)
    package25786 (1.0.0)
    package25787 (1.0.0)
    package25788 (1.0.0)
    package25789 (1.0.0)
    package25790 (1.0.0)
    package25791 (1.0.0)
    package25792 (1.0.0)
    package25793 (1.0.0)
    package25794 (1.0.0)
    package25795 (1.0.0)
    package25796 (1.0.0)
    package25797 (1.0.0)
    package25798 (1.0.0)
    package25799 (1.0.0)
    package25800 (1.0.0)
    package25801 (1.0.0)
    package25802 (1.0.0)
    package25803 (1.0.0)
    package25804 (1.0.0)
    package25805 (1.0.0)
    package25806 (1.0.0)
    package25807 (1.0.0)
    package25808 (1.0.0)
    package25809 (1.0.0)
    package25810 (1.0.0)
    package25811 (1.0.0)
    package25812 (1.0.0)
    package25813 (1.0.0)
    package25814 (1.0.0)
    package25815 (1.0.0)
    package25816 (1.0.0)
    package25817 (1.0.0)
    package25818 (1.0.0)
    package25819 (1.0.0)
    package25820 (1.0.0)
    package25821 (1.0.0)
    package25822 (1.0.0)
    package25823 (1.0.0)
    package25824 (1.0.0)
    package25825 (1.0.0)
    package25826 (1.0.0)
    package25827 (1.0.0)
    package25828 (1.0.0)
    package25829 (1.0.0)
    package25830 (1.0.0)
    package25831 (1.0.0)
    package25832 (1.0.0)
    package25833 (1.0.0)
    package25834 (1.0.0)
    package25835 (1.0.0)
    package25836 (1.0.0)
    package25837 (1.0.0)
    package25838 (1.0.0)
    package25839 (1.0.0)
    package25840 (1.0.0)
    package25841 (1.0.0)
    package25842 (1.0.0)
    package25843 (1.0.0)
    package25844 (1.0.0)
    package25845 (1.0.0)
    package25846 (1.0.0)
    package25847 (1.0.0)
    package25848 (1.0.0)
    package25849 (1.0.0)
    package25850 (1.0.0)
    package25851 (1.0.0)
    package25852 (1.0.0)
    package25853 (1.0.0)
    package25854 (1.0.0)
    package25855 (1.0.0)
    package25856 (1.0.0)
    package25857 (1.0.0)
    package25858 (1.0.0)
    package25859 (1.0.0)
    package25860 (1.0.0)
    package25861 (1.0.0)
    package25862 (1.0.0)
    package25863 (1.0.0)
    package25864 (1.0.0)
    package25865 (1.0.0)
    package25866 (1.0.0)
    package25867 (1.0.0)
    package25868 (1.0.0)
    package25869 (1.0.0)
    package25870 (1.0.0)
    package25871 (1.0.0)
    package25872 (1.0.0)
    package25873 (1.0.0)
    package25874 (1.0.0)
    package25875 (1.0.0)
    package25876 (1.0.0)
    package25877 (1.0.0)
    package25878 (1.0.0)
    package25879 (1.0.0)
    package25880 (1.0.0)
    package25881 (1.0.0)
    package25882 (1.0.0)
    package25883 (1.0.0)
    package25884 (1.0.0)
    package25885 (1.0.0)
    package25886 (1.0.0)
    package25887 (1.0.0)
    package25888 (1.0.0)
    package25889 (1.0.0)
    package25890 (1.0.0)
    package25891 (1.0.0)
    package25892 (1.0.0)
    package25893 (1.0.0)
    package25894 (1.0.0)
    package25895 (1.0.0)
    package25896 (1.0.0)
    package25897 (1.0.0)
    package25898 (1.0.0)
    package25899 (1.0.0)
    package25900 (1.0.0)
    package25901 (1.0.0)
    package25902 (1.0.0)
    package25903 (1.0.0)
    package25904 (1.0.0)
    package25905 (1.0.0)
    package25906 (1.0.0)
    package25907 (1.0.0)
    package25908 (1.0.0)
    package25909 (1.0.0)
    package25910 (1.0.0)
    package25911 (1.0.0)
    package25912 (1.0.0)
    package25913 (1.0.0)
    package25914 (1.0.0)
    package25915 (1.0.0)
    package25916 (1.0.0)
    package25917 (1.0.0)
    package25918 (1.0.0)
    package25919 (1.0.0)
    package25920 (1.0.0)
    package25921 (1.0.0)
    package25922 (1.0.0)
    package25923 (1.0.0)
    package25924 (1.0.0)
    package25925 (1.0.0)
    package25926 (1.0.0)
    package25927 (1.0.0)
    package25928 (1.0.0)
    package25929 (1.0.0)
    package25930 (1.0.0)
    package25931 (1.0.0)
    package25932 (1.0.0)
    package25933 (1.0.0)
    package25934 (1.0.0)
    package25935 (1.0.0)
    package25936 (1.0.0)
    package25937 (1.0.0)
    package25938 (1.0.0)
    package25939 (1.0.0)
    package25940 (1.0.0)
    package25941 (1.0.0)
    package25942 (1.0.0)
    package25943 (1.0.0)
    package25944 (1.0.0)
    package25945 (1.0.0)
    package25946 (1.0.0)
    package25947 (1.0.0)
    package25948 (1.0.0)
    package25949 (1.0.0)
    package25950 (1.0.0)
    package25951 (1.0.0)
    package25952 (1.0.0)
    package25953 (1.0.0)
    package25954 (1.0.0)
    package25955 (1.0.0)
    package25956 (1.0.0)
    package25957 (1.0.0)
    package25958 (1.0.0)
    package25959 (1.0.0)
    package25960 (1.0.0)
    package25961 (1.0.0)
    package25962 (1.0.0)
    package25963 (1.0.0)
    package25964 (1.0.0)
    package25965 (1.0.0)
    package25966 (1.0.0)
    package25967 (1.0.0)
    package25968 (1.0.0)
    package25969 (1.0.0)
    package25970 (1.0.0)
    package25971 (1.0.0)
    package25972 (1.0.0)
    package25973 (1.0.0)
    package25974 (1.0.0)
    package25975 (1.0.0)
    package25976 (1.0.0)
    package25977 (1.0.0)
    package25978 (1.0.0)
    package25979 (1.0.0)
    package25980 (1.0.0)
    package25981 (1.0.0)
    package25982 (1.0.0)
    package25983 (1.0.0)
    package25984 (1.0.0)
    package25985 (1.0.0)
    package25986 (1.0.0)
    package25987 (1.0.0)
    package25988 (1.0.0)
    package25989 (1.0.0)
    package25990 (1.0.0)
    package25991 (1.0.0)
    package25992 (1.0.0)
    package25993 (1.0.0)
    package25994 (1.0.0)
    package25995 (1.0.0)
    package25996 (1.0.0)
    package25997 (1.0.0)
    package25998 (1.0.0)
    package25999 (1.0.0)
    package26000 (1.0.0)
    package26001 (1.0.0)
    package26002 (1.0.0)
    package26003 (1.0.0)
    package26004 (1.0.0)
    package26005 (1.0.0)
    package26006 (1.0.0)
    package26007 (1.0.0)
    package26008 (1.0.0)
    package26009 (1.0.0)
    package26010 (1.0.0)
    package26011 (1.0.0)
    package26012 (1.0.0)
    package26013 (1.0.0)
    package26014 (1.0.0)
    package26015 (1.0.0)
    package26016 (1.0.0)
    package26017 (1.0.0)
    package26018 (1.0.0)
    package26019 (1.0.0)
    package26020 (1.0.0)
    package26021 (1.0.0)
    package26022 (1.0.0)
    package26023 (1.0.0)
    package26024 (1.0.0)
    package26025 (1.0.0)
    package26026 (1.0.0)
    package26027 (1.0.0)
    package26028 (1.0.0)
    package26029 (1.0.0)
    package26030 (1.0.0)
    package26031 (1.0.0)
    package26032 (1.0.0)
    package26033 (1.0.0)
    package26034 (1.0.0)
    package26035 (1.0.0)
    package26036 (1.0.0)
    package26037 (1.0.0)
    package26038 (1.0.0)
    package26039 (1.0.0)
    package26040 (1.0.0)
    package26041 (1.0.0)
    package26042 (1.0.0)
    package26043 (1.0.0)
    package26044 (1.0.0)
    package26045 (1.0.0)
    package26046 (1.0.0)
    package26047 (1.0.0)
    package26048 (1.0.0)
    package26049 (1.0.0)
    package26050 (1.0.0)
    package26051 (1.0.0)
    package26052 (1.0.0)
    package26053 (1.0.0)
    package26054 (1.0.0)
    package26055 (1.0.0)
    package26056 (1.0.0)
    package26057 (1.0.0)
    package26058 (1.0.0)
    package26059 (1.0.0)
    package26060 (1.0.0)
    package26061 (1.0.0)
    package26062 (1.0.0)
    package26063 (1.0.0)
    package26064 (1.0.0)
    package26065 (1.0.0)
    package26066 (1.0.0)
    package26067 (1.0.0)
    package26068 (1.0.0)
    package26069 (1.0.0)
    package26070 (1.0.0)
    package26071 (1.0.0)
    package26072 (1.0.0)
    package26073 (1.0.0)
    package26074 (1.0.0)
    package26075 (1.0.0)
    package26076 (1.0.0)
    package26077 (1.0.0)
    package26078 (1.0.0)
    package26079 (1.0.0)
    package26080 (1.0.0)
    package26081 (1.0.0)
    package26082 (1.0.0)
    package26083 (1.0.0)
    package26084 (1.0.0)
    package26085 (1.0.0)
    package26086 (1.0.0)
    package26087 (1.0.0)
    package26088 (1.0.0)
    package26089 (1.0.0)
    package26090 (1.0.0)
    package26091 (1.0.0)
    package26092 (1.0.0)
    package26093 (1.0.0)
    package26094 (1.0.0)
    package26095 (1.0.0)
    package26096 (1.0.0)
    package26097 (1.0.0)
    package26098 (1.0.0)
    package26099 (1.0.0)
    package26100 (1.0.0)
    package26101 (1.0.0)
    package26102 (1.0.0)
    package26103 (1.0.0)
    package26104 (1.0.0)
    package26105 (1.0.0)
    package26106 (1.0.0)
    package26107 (1.0.0)
    package26108 (1.0.0)
    package26109 (1.0.0)
    package26110 (1.0.0)
    package26111 (1.0.0)
    package26112 (1.0.0)
    package26113 (1.0.0)
    package26114 (1.0.0)
    package26115 (1.0.0)
    package26116 (1.0.0)
    package26117 (1.0.0)
    package26118 (1.0.0)
    package26119 (1.0.0)
    package26120 (1.0.0)
    package26121 (1.0.0)
    package26122 (1.0.0)
    package26123 (1.0.0)
    package26124 (1.0.0)
    package26125 (1.0.0)
    package26126 (1.0.0)
    package26127 (1.0.0)
    package26128 (1.0.0)
    package26129 (1.0.0)
    package26130 (1.0.0)
    package26131 (1.0.0)
    package26132 (1.0.0)
    package26133 (1.0.0)
    package26134 (1.0.0)
    package26135 (1.0.0)
    package26136 (1.0.0)
    package26137 (1.0.0)
    package26138 (1.0.0)
    package26139 (1.0.0)
    package26140 (1.0.0)
    package26141 (1.0.0)
    package26142 (1.0.0)
    package26143 (1.0.0)
    package26144 (1.0.0)
    package26145 (1.0.0)
    package26146 (1.0.0)
    package26147 (1.0.0)
    package26148 (1.0.0)
    package26149 (1.0.0)
    package26150 (1.0.0)
    package26151 (1.0.0)
    package26152 (1.0.0)
    package26153 (1.0.0)
    package26154 (1.0.0)
    package26155 (1.0.0)
    package26156 (1.0.0)
    package26157 (1.0.0)
    package26158 (1.0.0)
    package26159 (1.0.0)
    package26160 (1.0.0)
    package26161 (1.0.0)
    package26162 (1.0.0)
    package26163 (1.0.0)
    package26164 (1.0.0)
    package26165 (1.0.0)
    package26166 (1.0.0)
    package26167 (1.0.0)
    package26168 (1.0.0)
    package26169 (1.0.0)
    package26170 (1.0.0)
    package26171 (1.0.0)
    package26172 (1.0.0)
    package26173 (1.0.0)
    package26174 (1.0.0)
    package26175 (1.0.0)
    package26176 (1.0.0)
    package26177 (1.0.0)
    package26178 (1.0.0)
    package26179 (1.0.0)
    package26180 (1.0.0)
    package26181 (1.0.0)
    package26182 (1.0.0)
    package26183 (1.0.0)
    package26184 (1.0.0)
    package26185 (1.0.0)
    package26186 (1.0.0)
    package26187 (1.0.0)
    package26188 (1.0.0)
    package26189 (1.0.0)
    package26190 (1.0.0)
    package26191 (1.0.0)
    package26192 (1.0.0)
    package26193 (1.0.0)
    package26194 (1.0.0)
    package26195 (1.0.0)
    package26196 (1.0.0)
    package26197 (1.0.0)
    package26198 (1.0.0)
    package26199 (1.0.0)
    package26200 (1.0.0)
    package26201 (1.0.0)
    package26202 (1.0.0)
    package26203 (1.0.0)
    package26204 (1.0.0)
    package26205 (1.0.0)
    package26206 (1.0.0)
    package26207 (1.0.0)
    package26208 (1.0.0)
    package26209 (1.0.0)
    package26210 (1.0.0)
    package26211 (1.0.0)
    package26212 (1.0.0)
    package26213 (1.0.0)
    package26214 (1.0.0)
    package26215 (1.0.0)
    package26216 (1.0.0)
    package26217 (1.0.0)
    package26218 (1.0.0)
    package26219 (1.0.0)
    package26220 (1.0.0)
    package26221 (1.0.0)
    package26222 (1.0.0)
    package26223 (1.0.0)
    package26224 (1.0.0)
    package26225 (1.0.0)
    package26226 (1.0.0)
    package26227 (1.0.0)
    package26228 (1.0.0)
    package26229 (1.0.0)
    package26230 (1.0.0)
    package26231 (1.0.0)
    package26232 (1.0.0)
    package26233 (1.0.0)
    package26234 (1.0.0)
    package26235 (1.0.0)
    package26236 (1.0.0)
    package26237 (1.0.0)
    package26238 (1.0.0)
    package26239 (1.0.0)
    package26240 (1.0.0)
    package26241 (1.0.0)
    package26242 (1.0.0)
    package26243 (1.0.0)
    package26244 (1.0.0)
    package26245 (1.0.0)
    package26246 (1.0.0)
    package26247 (1.0.0)
    package26248 (1.0.0)
    package26249 (1.0.0)
    package26250 (1.0.0)
    package26251 (1.0.0)
    package26252 (1.0.0)
    package26253 (1.0.0)
    package26254 (1.0.0)
    package26255 (1.0.0)
    package26256 (1.0.0)
    package26257 (1.0.0)
    package26258 (1.0.0)
    package26259 (1.0.0)
    package26260 (1.0.0)
    package26261 (1.0.0)
    package26262 (1.0.0)
    package26263 (1.0.0)
    package26264 (1.0.0)
    package26265 (1.0.0)
    package26266 (1.0.0)
    package26267 (1.0.0)
    package26268 (1.0.0)
    package26269 (1.0.0)
    package26270 (1.0.0)
    package26271 (1.0.0)
    package26272 (1.0.0)
    package26273 (1.0.0)
    package26274 (1.0.0)
    package26275 (1.0.0)
    package26276 (1.0.0)
    package26277 (1.0.0)
    package26278 (1.0.0)
    package26279 (1.0.0)
    package26280 (1.0.0)
    package26281 (1.0.0)
    package26282 (1.0.0)
    package26283 (1.0.0)
    package26284 (1.0.0)
    package26285 (1.0.0)
    package26286 (1.0.0)
    package26287 (1.0.0)
    package26288 (1.0.0)
    package26289 (1.0.0)
    package26290 (1.0.0)
    package26291 (1.0.0)
    package26292 (1.0.0)
    package26293 (1.0.0)
    package26294 (1.0.0)
    package26295 (1.0.0)
    package26296 (1.0.0)
    package26297 (1.0.0)
    package26298 (1.0.0)
    package26299 (1.0.0)
    package26300 (1.0.0)
    package26301 (1.0.0)
    package26302 (1.0.0)
    package26303 (1.0.0)
    package26304 (1.0.0)
    package26305 (1.0.0)
    package26306 (1.0.0)
    package26307 (1.0.0)
    package26308 (1.0.0)
    package26309 (1.0.0)
    package26310 (1.0.0)
    package26311 (1.0.0)
    package26312 (1.0.0)
    package26313 (1.0.0)
    package26314 (1.0.0)
    package26315 (1.0.0)
    package26316 (1.0.0)
    package26317 (1.0.0)
    package26318 (1.0.0)
    package26319 (1.0.0)
    package26320 (1.0.0)
    package26321 (1.0.0)
    package26322 (1.0.0)
    package26323 (1.0.0)
    package26324 (1.0.0)
    package26325 (1.0.0)
    package26326 (1.0.0)
    package26327 (1.0.0)
    package26328 (1.0.0)
    package26329 (1.0.0)
    package26330 (1.0.0)
    package26331 (1.0.0)
    package26332 (1.0.0)
    package26333 (1.0.0)
    package26334 (1.0.0)
    package26335 (1.0.0)
    package26336 (1.0.0)
    package26337 (1.0.0)
    package26338 (1.0.0)
    package26339 (1.0.0)
    package26340 (1.0.0)
    package26341 (1.0.0)
    package26342 (1.0.0)
    package26343 (1.0.0)
    package26344 (1.0.0)
    package26345 (1.0.0)
    package26346 (1.0.0)
    package26347 (1.0.0)
    package26348 (1.0.0)
    package26349 (1.0.0)
    package26350 (1.0.0)
    package26351 (1.0.0)
    package26352 (1.0.0)
    package26353 (1.0.0)
    package26354 (1.0.0)
    package26355 (1.0.0)
    package26356 (1.0.0)
    package26357 (1.0.0)
    package26358 (1.0.0)
    package26359 (1.0.0)
    package26360 (1.0.0)
    package26361 (1.0.0)
    package26362 (1.0.0)
    package26363 (1.0.0)
    package26364 (1.0.0)
    package26365 (1.0.0)
    package26366 (1.0.0)
    package26367 (1.0.0)
    package26368 (1.0.0)
    package26369 (1.0.0)
    package26370 (1.0.0)
    package26371 (1.0.0)
    package26372 (1.0.0)
    package26373 (1.0.0)
    package26374 (1.0.0)
    package26375 (1.0.0)
    package26376 (1.0.0)
    package26377 (1.0.0)
    package26378 (1.0.0)
    package26379 (1.0.0)
    package26380 (1.0.0)
    package26381 (1.0.0)
    package26382 (1.0.0)
    package26383 (1.0.0)
    package26384 (1.0.0)
    package26385 (1.0.0)
    package26386 (1.0.0)
    package26387 (1.0.0)
    package26388 (1.0.0)
    package26389 (1.0.0)
    package26390 (1.0.0)
    package26391 (1.0.0)
    package26392 (1.0.0)
    package26393 (1.0.0)
    package26394 (1.0.0)
    package26395 (1.0.0)
    package26396 (1.0.0)
    package26397 (1.0.0)
    package26398 (1.0.0)
    package26399 (1.0.0)
    package26400 (1.0.0)
    package26401 (1.0.0)
    package26402 (1.0.0)
    package26403 (1.0.0)
    package26404 (1.0.0)
    package26405 (1.0.0)
    package26406 (1.0.0)
    package26407 (1.0.0)
    package26408 (1.0.0)
    package26409 (1.0.0)
    package26410 (1.0.0)
    package26411 (1.0.0)
    package26412 (1.0.0)
    package26413 (1.0.0)
    package26414 (1.0.0)
    package26415 (1.0.0)
    package26416 (1.0.0)
    package26417 (1.0.0)
    package26418 (1.0.0)
    package26419 (1.0.0)
    package26420 (1.0.0)
    package26421 (1.0.0)
    package26422 (1.0.0)
    package26423 (1.0.0)
    package26424 (1.0.0)
    package26425 (1.0.0)
    package26426 (1.0.0)
    package26427 (1.0.0)
    package26428 (1.0.0)
    package26429 (1.0.0)
    package26430 (1.0.0)
    package26431 (1.0.0)
    package26432 (1.0.0)
    package26433 (1.0.0)
    package26434 (1.0.0)
    package26435 (1.0.0)
    package26436 (1.0.0)
    package26437 (1.0.0)
    package26438 (1.0.0)
    package26439 (1.0.0)
    package26440 (1.0.0)
    package26441 (1.0.0)
    package26442 (1.0.0)
    package26443 (1.0.0)
    package26444 (1.0.0)
    package26445 (1.0.0)
    package26446 (1.0.0)
    package26447 (1.0.0)
    package26448 (1.0.0)
    package26449 (1.0.0)
    package26450 (1.0.0)
    package26451 (1.0.0)
    package26452 (1.0.0)
    package26453 (1.0.0)
    package26454 (1.0.0)
    package26455 (1.0.0)
    package26456 (1.0.0)
    package26457 (1.0.0)
    package26458 (1.0.0)
    package26459 (1.0.0)
    package26460 (1.0.0)
    package26461 (1.0.0)
    package26462 (1.0.0)
    package26463 (1.0.0)
    package26464 (1.0.0)
    package26465 (1.0.0)
    package26466 (1.0.0)
    package26467 (1.0.0)
    package26468 (1.0.0)
    package26469 (1.0.0)
    package26470 (1.0.0)
    package26471 (1.0.0)
    package26472 (1.0.0)
    package26473 (1.0.0)
    package26474 (1.0.0)
    package26475 (1.0.0)
    package26476 (1.0.0)
    package26477 (1.0.0)
    package26478 (1.0.0)
    package26479 (1.0.0)
    package26480 (1.0.0)
    package26481 (1.0.0)
    package26482 (1.0.0)
    package26483 (1.0.0)
    package26484 (1.0.0)
    package26485 (1.0.0)
    package26486 (1.0.0)
    package26487 (1.0.0)
    package26488 (1.0.0)
    package26489 (1.0.0)
    package26490 (1.0.0)
    package26491 (1.0.0)
    package26492 (1.0.0)
    package26493 (1.0.0)
    package26494 (1.0.0)
    package26495 (1.0.0)
    package26496 (1.0.0)
    package26497 (1.0.0)
    package26498 (1.0.0)
    package26499 (1.0.0)
    package26500 (1.0.0)
    package26501 (1.0.0)
    package26502 (1.0.0)
    package26503 (1.0.0)
    package26504 (1.0.0)
    package26505 (1.0.0)
    package26506 (1.0.0)
    package26507 (1.0.0)
    package26508 (1.0.0)
    package26509 (1.0.0)
    package26510 (1.0.0)
    package26511 (1.0.0)
    package26512 (1.0.0)
    package26513 (1.0.0)
    package26514 (1.0.0)
    package26515 (1.0.0)
    package26516 (1.0.0)
    package26517 (1.0.0)
    package26518 (1.0.0)
    package26519 (1.0.0)
    package26520 (1.0.0)
    package26521 (1.0.0)
    package26522 (1.0.0)
    package26523 (1.0.0)
    package26524 (1.0.0)
    package26525 (1.0.0)
    package26526 (1.0.0)
    package26527 (1.0.0)
    package26528 (1.0.0)
    package26529 (1.0.0)
    package26530 (1.0.0)
    package26531 (1.0.0)
    package26532 (1.0.0)
    package26533 (1.0.0)
    package26534 (1.0.0)
    package26535 (1.0.0)
    package26536 (1.0.0)
    package26537 (1.0.0)
    package26538 (1.0.0)
    package26539 (1.0.0)
    package26540 (1.0.0)
    package26541 (1.0.0)
    package26542 (1.0.0)
    package26543 (1.0.0)
    package26544 (1.0.0)
    package26545 (1.0.0)
    package26546 (1.0.0)
    package26547 (1.0.0)
    package26548 (1.0.0)
    package26549 (1.0.0)
    package26550 (1.0.0)
    package26551 (1.0.0)
    package26552 (1.0.0)
    package26553 (1.0.0)
    package26554 (1.0.0)
    package26555 (1.0.0)
    package26556 (1.0.0)
    package26557 (1.0.0)
    package26558 (1.0.0)
    package26559 (1.0.0)
    package26560 (1.0.0)
    package26561 (1.0.0)
    package26562 (1.0.0)
    package26563 (1.0.0)
    package26564 (1.0.0)
    package26565 (1.0.0)
    package26566 (1.0.0)
    package26567 (1.0.0)
    package26568 (1.0.0)
    package26569 (1.0.0)
    package26570 (1.0.0)
    package26571 (1.0.0)
    package26572 (1.0.0)
    package26573 (1.0.0)
    package26574 (1.0.0)
    package26575 (1.0.0)
    package26576 (1.0.0)
    package26577 (1.0.0)
    package26578 (1.0.0)
    package26579 (1.0.0)
    package26580 (1.0.0)
    package26581 (1.0.0)
    package26582 (1.0.0)
    package26583 (1.0.0)
    package26584 (1.0.0)
    package26585 (1.0.0)
    package26586 (1.0.0)
    package26587 (1.0.0)
    package26588 (1.0.0)
    package26589 (1.0.0)
    package26590 (1.0.0)
    package26591 (1.0.0)
    package26592 (1.0.0)
    package26593 (1.0.0)
    package26594 (1.0.0)
    package26595 (1.0.0)
    package26596 (1.0.0)
    package26597 (1.0.0)
    package26598 (1.0.0)
    package26599 (1.0.0)
    package26600 (1.0.0)
    package26601 (1.0.0)
    package26602 (1.0.0)
    package26603 (1.0.0)
    package26604 (1.0.0)
    package26605 (1.0.0)
    package26606 (1.0.0)
    package26607 (1.0.0)
    package26608 (1.0.0)
    package26609 (1.0.0)
    package26610 (1.0.0)
    package26611 (1.0.0)
    package26612 (1.0.0)
    package26613 (1.0.0)
    package26614 (1.0.0)
    package26615 (1.0.0)
    package26616 (1.0.0)
    package26617 (1.0.0)
    package26618 (1.0.0)
    package26619 (1.0.0)
    package26620 (1.0.0)
    package26621 (1.0.0)
    package26622 (1.0.0)
    package26623 (1.0.0)
    package26624 (1.0.0)
    package26625 (1.0.0)
    package26626 (1.0.0)
    package26627 (1.0.0)
    package26628 (1.0.0)
    package26629 (1.0.0)
    package26630 (1.0.0)
    package26631 (1.0.0)
    package26632 (1.0.0)
    package26633 (1.0.0)
    package26634 (1.0.0)
    package26635 (1.0.0)
    package26636 (1.0.0)
    package26637 (1.0.0)
    package26638 (1.0.0)
    package26639 (1.0.0)
    package26640 (1.0.0)
    package26641 (1.0.0)
    package26642 (1.0.0)
    package26643 (1.0.0)
    package26644 (1.0.0)
    package26645 (1.0.0)
    package26646 (1.0.0)
    package26647 (1.0.0)
    package26648 (1.0.0)
    package26649 (1.0.0)
    package26650 (1.0.0)
    package26651 (1.0.0)
    package26652 (1.0.0)
    package26653 (1.0.0)
    package26654 (1.0.0)
    package26655 (1.0.0)
    package26656 (1.0.0)
    package26657 (1.0.0)
    package26658 (1.0.0)
    package26659 (1.0.0)
    package26660 (1.0.0)
    package26661 (1.0.0)
    package26662 (1.0.0)
    package26663 (1.0.0)
    package26664 (1.0.0)
    package26665 (1.0.0)
    package26666 (1.0.0)
    package26667 (1.0.0)
    package26668 (1.0.0)
    package26669 (1.0.0)
    package26670 (1.0.0)
    package26671 (1.0.0)
    package26672 (1.0.0)
    package26673 (1.0.0)
    package26674 (1.0.0)
    package26675 (1.0.0)
    package26676 (1.0.0)
    package26677 (1.0.0)
    package26678 (1.0.0)
    package26679 (1.0.0)
    package26680 (1.0.0)
    package26681 (1.0.0)
    package26682 (1.0.0)
    package26683 (1.0.0)
    package26684 (1.0.0)
    package26685 (1.0.0)
    package26686 (1.0.0)
    package26687 (1.0.0)
    package26688 (1.0.0)
    package26689 (1.0.0)
    package26690 (1.0.0)
    package26691 (1.0.0)
    package26692 (1.0.0)
    package26693 (1.0.0)
    package26694 (1.0.0)
    package26695 (1.0.0)
    package26696 (1.0.0)
    package26697 (1.0.0)
    package26698 (1.0.0)
    package26699 (1.0.0)
    package26700 (1.0.0)
    package26701 (1.0.0)
    package26702 (1.0.0)
    package26703 (1.0.0)
    package26704 (1.0.0)
    package26705 (1.0.0)
    package26706 (1.0.0)
    package26707 (1.0.0)
    package26708 (1.0.0)
    package26709 (1.0.0)
    package26710 (1.0.0)
    package26711 (1.0.0)
    package26712 (1.0.0)
    package26713 (1.0.0)
    package26714 (1.0.0)
    package26715 (1.0.0)
    package26716 (1.0.0)
    package26717 (1.0.0)
    package26718 (1.0.0)
    package26719 (1.0.0)
    package26720 (1.0.0)
    package26721 (1.0.0)
    package26722 (1.0.0)
    package26723 (1.0.0)
    package26724 (1.0.0)
    package26725 (1.0.0)
    package26726 (1.0.0)
    package26727 (1.0.0)
    package26728 (1.0.0)
    package26729 (1.0.0)
    package26730 (1.0.0)
    package26731 (1.0.0)
    package26732 (1.0.0)
    package26733 (1.0.0)
    package26734 (1.0.0)
    package26735 (1.0.0)
    package26736 (1.0.0)
    package26737 (1.0.0)
    package26738 (1.0.0)
    package26739 (1.0.0)
    package26740 (1.0.0)
    package26741 (1.0.0)
    package26742 (1.0.0)
    package26743 (1.0.0)
    package26744 (1.0.0)
    package26745 (1.0.0)
    package26746 (1.0.0)
    package26747 (1.0.0)
    package26748 (1.0.0)
    package26749 (1.0.0)
    package26750 (1.0.0)
    package26751 (1.0.0)
    package26752 (1.0.0)
    package26753 (1.0.0)
    package26754 (1.0.0)
    package26755 (1.0.0)
    package26756 (1.0.0)
    package26757 (1.0.0)
    package26758 (1.0.0)
    package26759 (1.0.0)
    package26760 (1.0.0)
    package26761 (1.0.0)
    package26762 (1.0.0)
    package26763 (1.0.0)
    package26764 (1.0.0)
    package26765 (1.0.0)
    package26766 (1.0.0)
    package26767 (1.0.0)
    package26768 (1.0.0)
    package26769 (1.0.0)
    package26770 (1.0.0)
    package26771 (1.0.0)
    package26772 (1.0.0)
    package26773 (1.0.0)
    package26774 (1.0.0)
    package26775 (1.0.0)
    package26776 (1.0.0)
    package26777 (1.0.0)
    package26778 (1.0.0)
    package26779 (1.0.0)
    package26780 (1.0.0)
    package26781 (1.0.0)
    package26782 (1.0.0)
    package26783 (1.0.0)
    package26784 (1.0.0)
    package26785 (1.0.0)
    package26786 (1.0.0)
    package26787 (1.0.0)
    package26788 (1.0.0)
    package26789 (1.0.0)
    package26790 (1.0.0)
    package26791 (1.0.0)
    package26792 (1.0.0)
    package26793 (1.0.0)
    package26794 (1.0.0)
    package26795 (1.0.0)
    package26796 (1.0.0)
    package26797 (1.0.0)
    package26798 (1.0.0)
    package26799 (1.0.0)
    package26800 (1.0.0)
    package26801 (1.0.0)
    package26802 (1.0.0)
    package26803 (1.0.0)
    package26804 (1.0.0)
    package26805 (1.0.0)
    package26806 (1.0.0)
    package26807 (1.0.0)
    package26808 (1.0.0)
    package26809 (1.0.0)
    package26810 (1.0.0)
    package26811 (1.0.0)
    package26812 (1.0.0)
    package26813 (1.0.0)
    package26814 (1.0.0)
    package26815 (1.0.0)
    package26816 (1.0.0)
    package26817 (1.0.0)
    package26818 (1.0.0)
    package26819 (1.0.0)
    package26820 (1.0.0)
    package26821 (1.0.0)
    package26822 (1.0.0)
    package26823 (1.0.0)
    package26824 (1.0.0)
    package26825 (1.0.0)
    package26826 (1.0.0)
    package26827 (1.0.0)
    package26828 (1.0.0)
    package26829 (1.0.0)
    package26830 (1.0.0)
    package26831 (1.0.0)
    package26832 (1.0.0)
    package26833 (1.0.0)
    package26834 (1.0.0)
    package26835 (1.0.0)
    package26836 (1.0.0)
    package26837 (1.0.0)
    package26838 (1.0.0)
    package26839 (1.0.0)
    package26840 (1.0.0)
    package26841 (1.0.0)
    package26842 (1.0.0)
    package26843 (1.0.0)
    package26844 (1.0.0)
    package26845 (1.0.0)
    package26846 (1.0.0)
    package26847 (1.0.0)
    package26848 (1.0.0)
    package26849 (1.0.0)
    package26850 (1.0.0)
    package26851 (1.0.0)
    package26852 (1.0.0)
    package26853 (1.0.0)
    package26854 (1.0.0)
    package26855 (1.0.0)
    package26856 (1.0.0)
    package26857 (1.0.0)
    package26858 (1.0.0)
    package26859 (1.0.0)
    package26860 (1.0.0)
    package26861 (1.0.0)
    package26862 (1.0.0)
    package26863 (1.0.0)
    package26864 (1.0.0)
    package26865 (1.0.0)
    package26866 (1.0.0)
    package26867 (1.0.0)
    package26868 (1.0.0)
    package26869 (1.0.0)
    package26870 (1.0.0)
    package26871 (1.0.0)
    package26872 (1.0.0)
    package26873 (1.0.0)
    package26874 (1.0.0)
    package26875 (1.0.0)
    package26876 (1.0.0)
    package26877 (1.0.0)
    package26878 (1.0.0)
    package26879 (1.0.0)
    package26880 (1.0.0)
    package26881 (1.0.0)
    package26882 (1.0.0)
    package26883 (1.0.0)
    package26884 (1.0.0)
    package26885 (1.0.0)
    package26886 (1.0.0)
    package26887 (1.0.0)
    package26888 (1.0.0)
    package26889 (1.0.0)
    package26890 (1.0.0)
    package26891 (1.0.0)
    package26892 (1.0.0)
    package26893 (1.0.0)
    package26894 (1.0.0)
    package26895 (1.0.0)
    package26896 (1.0.0)
    package26897 (1.0.0)
    package26898 (1.0.0)
    package26899 (1.0.0)
    package26900 (1.0.0)
    package26901 (1.0.0)
    package26902 (1.0.0)
    package26903 (1.0.0)
    package26904 (1.0.0)
    package26905 (1.0.0)
    package26906 (1.0.0)
    package26907 (1.0.0)
    package26908 (1.0.0)
    package26909 (1.0.0)
    package26910 (1.0.0)
    package26911 (1.0.0)
    package26912 (1.0.0)
    package26913 (1.0.0)
    package26914 (1.0.0)
    package26915 (1.0.0)
    package26916 (1.0.0)
    package26917 (1.0.0)
    package26918 (1.0.0)
    package26919 (1.0.0)
    package26920 (1.0.0)
    package26921 (1.0.0)
    package26922 (1.0.0)
    package26923 (1.0.0)
    package26924 (1.0.0)
    package26925 (1.0.0)
    package26926 (1.0.0)
    package26927 (1.0.0)
    package26928 (1.0.0)
    package26929 (1.0.0)
    package26930 (1.0.0)
    package26931 (1.0.0)
    package26932 (1.0.0)
    package26933 (1.0.0)
    package26934 (1.0.0)
    package26935 (1.0.0)
    package26936 (1.0.0)
    package26937 (1.0.0)
    package26938 (1.0.0)
    package26939 (1.0.0)
    package26940 (1.0.0)
    package26941 (1.0.0)
    package26942 (1.0.0)
    package26943 (1.0.0)
    package26944 (1.0.0)
    package26945 (1.0.0)
    package26946 (1.0.0)
    package26947 (1.0.0)
    package26948 (1.0.0)
    package26949 (1.0.0)
    package26950 (1.0.0)
    package26951 (1.0.0)
    package26952 (1.0.0)
    package26953 (1.0.0)
    package26954 (1.0.0)
    package26955 (1.0.0)
    package26956 (1.0.0)
    package26957 (1.0.0)
    package26958 (1.0.0)
    package26959 (1.0.0)
    package26960 (1.0.0)
    package26961 (1.0.0)
    package26962 (1.0.0)
    package26963 (1.0.0)
    package26964 (1.0.0)
    package26965 (1.0.0)
    package26966 (1.0.0)
    package26967 (1.0.0)
    package26968 (1.0.0)
    package26969 (1.0.0)
    package26970 (1.0.0)
    package26971 (1.0.0)
    package26972 (1.0.0)
    package26973 (1.0.0)
    package26974 (1.0.0)
    package26975 (1.0.0)
    package26976 (1.0.0)
    package26977 (1.0.0)
    package26978 (1.0.0)
    package26979 (1.0.0)
    package26980 (1.0.0)
    package26981 (1.0.0)
    package26982 (1.0.0)
    package26983 (1.0.0)
    package26984 (1.0.0)
    package26985 (1.0.0)
    package26986 (1.0.0)
    package26987 (1.0.0)
    package26988 (1.0.0)
    package26989 (1.0.0)
    package26990 (1.0.0)
    package26991 (1.0.0)
    package26992 (1.0.0)
    package26993 (1.0.0)
    package26994 (1.0.0)
    package26995 (1.0.0)
    package26996 (1.0.0)
    package26997 (1.0.0)
    package26998 (1.0.0)
    package26999 (1.0.0)
    package27000 (1.0.0)
    package27001 (1.0.0)
    package27002 (1.0.0)
    package27003 (1.0.0)
    package27004 (1.0.0)
    package27005 (1.0.0)
    package27006 (1.0.0)
    package27007 (1.0.0)
    package27008 (1.0.0)
    package27009 (1.0.0)
    package27010 (1.0.0)
    package27011 (1.0.0)
    package27012 (1.0.0)
    package27013 (1.0.0)
    package27014 (1.0.0)
    package27015 (1.0.0)
    package27016 (1.0.0)
    package27017 (1.0.0)
    package27018 (1.0.0)
    package27019 (1.0.0)
    package27020 (1.0.0)
    package27021 (1.0.0)
    package27022 (1.0.0)
    package27023 (1.0.0)
    package27024 (1.0.0)
    package27025 (1.0.0)
    package27026 (1.0.0)
    package27027 (1.0.0)
    package27028 (1.0.0)
    package27029 (1.0.0)
    package27030 (1.0.0)
    package27031 (1.0.0)
    package27032 (1.0.0)
    package27033 (1.0.0)
    package27034 (1.0.0)
    package27035 (1.0.0)
    package27036 (1.0.0)
    package27037 (1.0.0)
    package27038 (1.0.0)
    package27039 (1.0.0)
    package27040 (1.0.0)
    package27041 (1.0.0)
    package27042 (1.0.0)
    package27043 (1.0.0)
    package27044 (1.0.0)
    package27045 (1.0.0)
    package27046 (1.0.0)
    package27047 (1.0.0)
    package27048 (1.0.0)
    package27049 (1.0.0)
    package27050 (1.0.0)
    package27051 (1.0.0)
    package27052 (1.0.0)
    package27053 (1.0.0)
    package27054 (1.0.0)
    package27055 (1.0.0)
    package27056 (1.0.0)
    package27057 (1.0.0)
    package27058 (1.0.0)
    package27059 (1.0.0)
    package27060 (1.0.0)
    package27061 (1.0.0)
    package27062 (1.0.0)
    package27063 (1.0.0)
    package27064 (1.0.0)
    package27065 (1.0.0)
    package27066 (1.0.0)
    package27067 (1.0.0)
    package27068 (1.0.0)
    package27069 (1.0.0)
    package27070 (1.0.0)
    package27071 (1.0.0)
    package27072 (1.0.0)
    package27073 (1.0.0)
    package27074 (1.0.0)
    package27075 (1.0.0)
    package27076 (1.0.0)
    package27077 (1.0.0)
    package27078 (1.0.0)
    package27079 (1.0.0)
    package27080 (1.0.0)
    package27081 (1.0.0)
    package27082 (1.0.0)
    package27083 (1.0.0)
    package27084 (1.0.0)
    package27085 (1.0.0)
    package27086 (1.0.0)
    package27087 (1.0.0)
    package27088 (1.0.0)
    package27089 (1.0.0)
    package27090 (1.0.0)
    package27091 (1.0.0)
    package27092 (1.0.0)
    package27093 (1.0.0)
    package27094 (1.0.0)
    package27095 (1.0.0)
    package27096 (1.0.0)
    package27097 (1.0.0)
    package27098 (1.0.0)
    package27099 (1.0.0)
    package27100 (1.0.0)
    package27101 (1.0.0)
    package27102 (1.0.0)
    package27103 (1.0.0)
    package27104 (1.0.0)
    package27105 (1.0.0)
    package27106 (1.0.0)
    package27107 (1.0.0)
    package27108 (1.0.0)
    package27109 (1.0.0)
    package27110 (1.0.0)
    package27111 (1.0.0)
    package27112 (1.0.0)
    package27113 (1.0.0)
    package27114 (1.0.0)
    package27115 (1.0.0)
    package27116 (1.0.0)
    package27117 (1.0.0)
    package27118 (1.0.0)
    package27119 (1.0.0)
    package27120 (1.0.0)
    package27121 (1.0.0)
    package27122 (1.0.0)
    package27123 (1.0.0)
    package27124 (1.0.0)
    package27125 (1.0.0)
    package27126 (1.0.0)
    package27127 (1.0.0)
    package27128 (1.0.0)
    package27129 (1.0.0)
    package27130 (1.0.0)
    package27131 (1.0.0)
    package27132 (1.0.0)
    package27133 (1.0.0)
    package27134 (1.0.0)
    package27135 (1.0.0)
    package27136 (1.0.0)
    package27137 (1.0.0)
    package27138 (1.0.0)
    package27139 (1.0.0)
    package27140 (1.0.0)
    package27141 (1.0.0)
    package27142 (1.0.0)
    package27143 (1.0.0)
    package27144 (1.0.0)
    package27145 (1.0.0)
    package27146 (1.0.0)
    package27147 (1.0.0)
    package27148 (1.0.0)
    package27149 (1.0.0)
    package27150 (1.0.0)
    package27151 (1.0.0)
    package27152 (1.0.0)
    package27153 (1.0.0)
    package27154 (1.0.0)
    package27155 (1.0.0)
    package27156 (1.0.0)
    package27157 (1.0.0)
    package27158 (1.0.0)
    package27159 (1.0.0)
    package27160 (1.0.0)
    package27161 (1.0.0)
    package27162 (1.0.0)
    package27163 (1.0.0)
    package27164 (1.0.0)
    package27165 (1.0.0)
    package27166 (1.0.0)
    package27167 (1.0.0)
    package27168 (1.0.0)
    package27169 (1.0.0)
    package27170 (1.0.0)
    package27171 (1.0.0)
    package27172 (1.0.0)
    package27173 (1.0.0)
    package27174 (1.0.0)
    package27175 (1.0.0)
    package27176 (1.0.0)
    package27177 (1.0.0)
    package27178 (1.0.0)
    package27179 (1.0.0)
    package27180 (1.0.0)
    package27181 (1.0.0)
    package27182 (1.0.0)
    package27183 (1.0.0)
    package27184 (1.0.0)
    package27185 (1.0.0)
    package27186 (1.0.0)
    package27187 (1.0.0)
    package27188 (1.0.0)
    package27189 (1.0.0)
    package27190 (1.0.0)
    package27191 (1.0.0)
    package27192 (1.0.0)
    package27193 (1.0.0)
    package27194 (1.0.0)
    package27195 (1.0.0)
    package27196 (1.0.0)
    package27197 (1.0.0)
    package27198 (1.0.0)
    package27199 (1.0.0)
    package27200 (1.0.0)
    package27201 (1.0.0)
    package27202 (1.0.0)
    package27203 (1.0.0)
    package27204 (1.0.0)
    package27205 (1.0.0)
    package27206 (1.0.0)
    package27207 (1.0.0)
    package27208 (1.0.0)
    package27209 (1.0.0)
    package27210 (1.0.0)
    package27211 (1.0.0)
    package27212 (1.0.0)
    package27213 (1.0.0)
    package27214 (1.0.0)
    package27215 (1.0.0)
    package27216 (1.0.0)
    package27217 (1.0.0)
    package27218 (1.0.0)
    package27219 (1.0.0)
    package27220 (1.0.0)
    package27221 (1.0.0)
    package27222 (1.0.0)
    package27223 (1.0.0)
    package27224 (1.0.0)
    package27225 (1.0.0)
    package27226 (1.0.0)
    package27227 (1.0.0)
    package27228 (1.0.0)
    package27229 (1.0.0)
    package27230 (1.0.0)
    package27231 (1.0.0)
    package27232 (1.0.0)
    package27233 (1.0.0)
    package27234 (1.0.0)
    package27235 (1.0.0)
    package27236 (1.0.0)
    package27237 (1.0.0)
    package27238 (1.0.0)
    package27239 (1.0.0)
    package27240 (1.0.0)
    package27241 (1.0.0)
    package27242 (1.0.0)
    package27243 (1.0.0)
    package27244 (1.0.0)
    package27245 (1.0.0)
    package27246 (1.0.0)
    package27247 (1.0.0)
    package27248 (1.0.0)
    package27249 (1.0.0)
    package27250 (1.0.0)
    package27251 (1.0.0)
    package27252 (1.0.0)
    package27253 (1.0.0)
    package27254 (1.0.0)
    package27255 (1.0.0)
    package27256 (1.0.0)
    package27257 (1.0.0)
    package27258 (1.0.0)
    package27259 (1.0.0)
    package27260 (1.0.0)
    package27261 (1.0.0)
    package27262 (1.0.0)
    package27263 (1.0.0)
    package27264 (1.0.0)
    package27265 (1.0.0)
    package27266 (1.0.0)
    package27267 (1.0.0)
    package27268 (1.0.0)
    package27269 (1.0.0)
    package27270 (1.0.0)
    package27271 (1.0.0)
    package27272 (1.0.0)
    package27273 (1.0.0)
    package27274 (1.0.0)
    package27275 (1.0.0)
    package27276 (1.0.0)
    package27277 (1.0.0)
    package27278 (1.0.0)
    package27279 (1.0.0)
    package27280 (1.0.0)
    package27281 (1.0.0)
    package27282 (1.0.0)
    package27283 (1.0.0)
    package27284 (1.0.0)
    package27285 (1.0.0)
    package27286 (1.0.0)
    package27287 (1.0.0)
    package27288 (1.0.0)
    package27289 (1.0.0)
    package27290 (1.0.0)
    package27291 (1.0.0)
    package27292 (1.0.0)
    package27293 (1.0.0)
    package27294 (1.0.0)
    package27295 (1.0.0)
    package27296 (1.0.0)
    package27297 (1.0.0)
    package27298 (1.0.0)
    package27299 (1.0.0)
    package27300 (1.0.0)
    package27301 (1.0.0)
    package27302 (1.0.0)
    package27303 (1.0.0)
    package27304 (1.0.0)
    package27305 (1.0.0)
    package27306 (1.0.0)
    package27307 (1.0.0)
    package27308 (1.0.0)
    package27309 (1.0.0)
    package27310 (1.0.0)
    package27311 (1.0.0)
    package27312 (1.0.0)
    package27313 (1.0.0)
    package27314 (1.0.0)
    package27315 (1.0.0)
    package27316 (1.0.0)
    package27317 (1.0.0)
    package27318 (1.0.0)
    package27319 (1.0.0)
    package27320 (1.0.0)
    package27321 (1.0.0)
    package27322 (1.0.0)
    package27323 (1.0.0)
    package27324 (1.0.0)
    package27325 (1.0.0)
    package27326 (1.0.0)
    package27327 (1.0.0)
    package27328 (1.0.0)
    package27329 (1.0.0)
    package27330 (1.0.0)
    package27331 (1.0.0)
    package27332 (1.0.0)
    package27333 (1.0.0)
    package27334 (1.0.0)
    package27335 (1.0.0)
    package27336 (1.0.0)
    package27337 (1.0.0)
    package27338 (1.0.0)
    package27339 (1.0.0)
    package27340 (1.0.0)
    package27341 (1.0.0)
    package27342 (1.0.0)
    package27343 (1.0.0)
    package27344 (1.0.0)
    package27345 (1.0.0)
    package27346 (1.0.0)
    package27347 (1.0.0)
    package27348 (1.0.0)
    package27349 (1.0.0)
    package27350 (1.0.0)
    package27351 (1.0.0)
    package27352 (1.0.0)
    package27353 (1.0.0)
    package27354 (1.0.0)
    package27355 (1.0.0)
    package27356 (1.0.0)
    package27357 (1.0.0)
    package27358 (1.0.0)
    package27359 (1.0.0)
    package27360 (1.0.0)
    package27361 (1.0.0)
    package27362 (1.0.0)
    package27363 (1.0.0)
    package27364 (1.0.0)
    package27365 (1.0.0)
    package27366 (1.0.0)
    package27367 (1.0.0)
    package27368 (1.0.0)
    package27369 (1.0.0)
    package27370 (1.0.0)
    package27371 (1.0.0)
    package27372 (1.0.0)
    package27373 (1.0.0)
    package27374 (1.0.0)
    package27375 (1.0.0)
    package27376 (1.0.0)
    package27377 (1.0.0)
    package27378 (1.0.0)
    package27379 (1.0.0)
    package27380 (1.0.0)
    package27381 (1.0.0)
    package27382 (1.0.0)
    package27383 (1.0.0)
    package27384 (1.0.0)
    package27385 (1.0.0)
    package27386 (1.0.0)
    package27387 (1.0.0)
    package27388 (1.0.0)
    package27389 (1.0.0)
    package27390 (1.0.0)
    package27391 (1.0.0)
    package27392 (1.0.0)
    package27393 (1.0.0)
    package27394 (1.0.0)
    package27395 (1.0.0)
    package27396 (1.0.0)
    package27397 (1.0.0)
    package27398 (1.0.0)
    package27399 (1.0.0)
    package27400 (1.0.0)
    package27401 (1.0.0)
    package27402 (1.0.0)
    package27403 (1.0.0)
    package27404 (1.0.0)
    package27405 (1.0.0)
    package27406 (1.0.0)
    package27407 (1.0.0)
    package27408 (1.0.0)
    package27409 (1.0.0)
    package27410 (1.0.0)
    package27411 (1.0.0)
    package27412 (1.0.0)
    package27413 (1.0.0)
    package27414 (1.0.0)
    package27415 (1.0.0)
    package27416 (1.0.0)
    package27417 (1.0.0)
    package27418 (1.0.0)
    package27419 (1.0.0)
    package27420 (1.0.0)
    package27421 (1.0.0)
    package27422 (1.0.0)
    package27423 (1.0.0)
    package27424 (1.0.0)
    package27425 (1.0.0)
    package27426 (1.0.0)
    package27427 (1.0.0)
    package27428 (1.0.0)
    package27429 (1.0.0)
    package27430 (1.0.0)
    package27431 (1.0.0)
    package27432 (1.0.0)
    package27433 (1.0.0)
    package27434 (1.0.0)
    package27435 (1.0.0)
    package27436 (1.0.0)
    package27437 (1.0.0)
    package27438 (1.0.0)
    package27439 (1.0.0)
    package27440 (1.0.0)
    package27441 (1.0.0)
    package27442 (1.0.0)
    package27443 (1.0.0)
    package27444 (1.0.0)
    package27445 (1.0.0)
    package27446 (1.0.0)
    package27447 (1.0.0)
    package27448 (1.0.0)
    package27449 (1.0.0)
    package27450 (1.0.0)
    package27451 (1.0.0)
    package27452 (1.0.0)
    package27453 (1.0.0)
    package27454 (1.0.0)
    package27455 (1.0.0)
    package27456 (1.0.0)
    package27457 (1.0.0)
    package27458 (1.0.0)
    package27459 (1.0.0)
    package27460 (1.0.0)
    package27461 (1.0.0)
    package27462 (1.0.0)
    package27463 (1.0.0)
    package27464 (1.0.0)
    package27465 (1.0.0)
    package27466 (1.0.0)
    package27467 (1.0.0)
    package27468 (1.0.0)
    package27469 (1.0.0)
    package27470 (1.0.0)
    package27471 (1.0.0)
    package27472 (1.0.0)
    package27473 (1.0.0)
    package27474 (1.0.0)
    package27475 (1.0.0)
    package27476 (1.0.0)
    package27477 (1.0.0)
    package27478 (1.0.0)
    package27479 (1.0.0)
    package27480 (1.0.0)
    package27481 (1.0.0)
    package27482 (1.0.0)
    package27483 (1.0.0)
    package27484 (1.0.0)
    package27485 (1.0.0)
    package27486 (1.0.0)
    package27487 (1.0.0)
    package27488 (1.0.0)
    package27489 (1.0.0)
    package27490 (1.0.0)
    package27491 (1.0.0)
    package27492 (1.0.0)
    package27493 (1.0.0)
    package27494 (1.0.0)
    package27495 (1.0.0)
    package27496 (1.0.0)
    package27497 (1.0.0)
    package27498 (1.0.0)
    package27499 (1.0.0)
    package27500 (1.0.0)
    package27501 (1.0.0)
    package27502 (1.0.0)
    package27503 (1.0.0)
    package27504 (1.0.0)
    package27505 (1.0.0)
    package27506 (1.0.0)
    package27507 (1.0.0)
    package27508 (1.0.0)
    package27509 (1.0.0)
    package27510 (1.0.0)
    package27511 (1.0.0)
    package27512 (1.0.0)
    package27513 (1.0.0)
    package27514 (1.0.0)
    package27515 (1.0.0)
    package27516 (1.0.0)
    package27517 (1.0.0)
    package27518 (1.0.0)
    package27519 (1.0.0)
    package27520 (1.0.0)
    package27521 (1.0.0)
    package27522 (1.0.0)
    package27523 (1.0.0)
    package27524 (1.0.0)
    package27525 (1.0.0)
    package27526 (1.0.0)
    package27527 (1.0.0)
    package27528 (1.0.0)
    package27529 (1.0.0)
    package27530 (1.0.0)
    package27531 (1.0.0)
    package27532 (1.0.0)
    package27533 (1.0.0)
    package27534 (1.0.0)
    package27535 (1.0.0)
    package27536 (1.0.0)
    package27537 (1.0.0)
    package27538 (1.0.0)
    package27539 (1.0.0)
    package27540 (1.0.0)
    package27541 (1.0.0)
    package27542 (1.0.0)
    package27543 (1.0.0)
    package27544 (1.0.0)
    package27545 (1.0.0)
    package27546 (1.0.0)
    package27547 (1.0.0)
    package27548 (1.0.0)
    package27549 (1.0.0)
    package27550 (1.0.0)
    package27551 (1.0.0)
    package27552 (1.0.0)
    package27553 (1.0.0)
    package27554 (1.0.0)
    package27555 (1.0.0)
    package27556 (1.0.0)
    package27557 (1.0.0)
    package27558 (1.0.0)
    package27559 (1.0.0)
    package27560 (1.0.0)
    package27561 (1.0.0)
    package27562 (1.0.0)
    package27563 (1.0.0)
    package27564 (1.0.0)
    package27565 (1.0.0)
    package27566 (1.0.0)
    package27567 (1.0.0)
    package27568 (1.0.0)
    package27569 (1.0.0)
    package27570 (1.0.0)
    package27571 (1.0.0)
    package27572 (1.0.0)
    package27573 (1.0.0)
    package27574 (1.0.0)
    package27575 (1.0.0)
    package27576 (1.0.0)
    package27577 (1.0.0)
    package27578 (1.0.0)
    package27579 (1.0.0)
    package27580 (1.0.0)
    package27581 (1.0.0)
    package27582 (1.0.0)
    package27583 (1.0.0)
    package27584 (1.0.0)
    package27585 (1.0.0)
    package27586 (1.0.0)
    package27587 (1.0.0)
    package27588 (1.0.0)
    package27589 (1.0.0)
    package27590 (1.0.0)
    package27591 (1.0.0)
    package27592 (1.0.0)
    package27593 (1.0.0)
    package27594 (1.0.0)
    package27595 (1.0.0)
    package27596 (1.0.0)
    package27597 (1.0.0)
    package27598 (1.0.0)
    package27599 (1.0.0)
    package27600 (1.0.0)
    package27601 (1.0.0)
    package27602 (1.0.0)
    package27603 (1.0.0)
    package27604 (1.0.0)
    package27605 (1.0.0)
    package27606 (1.0.0)
    package27607 (1.0.0)
    package27608 (1.0.0)
    package27609 (1.0.0)
    package27610 (1.0.0)
    package27611 (1.0.0)
    package27612 (1.0.0)
    package27613 (1.0.0)
    package27614 (1.0.0)
    package27615 (1.0.0)
    package27616 (1.0.0)
    package27617 (1.0.0)
    package27618 (1.0.0)
    package27619 (1.0.0)
    package27620 (1.0.0)
    package27621 (1.0.0)
    package27622 (1.0.0)
    package27623 (1.0.0)
    package27624 (1.0.0)
    package27625 (1.0.0)
    package27626 (1.0.0)
    package27627 (1.0.0)
    package27628 (1.0.0)
    package27629 (1.0.0)
    package27630 (1.0.0)
    package27631 (1.0.0)
    package27632 (1.0.0)
    package27633 (1.0.0)
    package27634 (1.0.0)
    package27635 (1.0.0)
    package27636 (1.0.0)
    package27637 (1.0.0)
    package27638 (1.0.0)
    package27639 (1.0.0)
    package27640 (1.0.0)
    package27641 (1.0.0)
    package27642 (1.0.0)
    package27643 (1.0.0)
    package27644 (1.0.0)
    package27645 (1.0.0)
    package27646 (1.0.0)
    package27647 (1.0.0)
    package27648 (1.0.0)
    package27649 (1.0.0)
    package27650 (1.0.0)
    package27651 (1.0.0)
    package27652 (1.0.0)
    package27653 (1.0.0)
    package27654 (1.0.0)
    package27655 (1.0.0)
    package27656 (1.0.0)
    package27657 (1.0.0)
    package27658 (1.0.0)
    package27659 (1.0.0)
    package27660 (1.0.0)
    package27661 (1.0.0)
    package27662 (1.0.0)
    package27663 (1.0.0)
    package27664 (1.0.0)
    package27665 (1.0.0)
    package27666 (1.0.0)
    package27667 (1.0.0)
    package27668 (1.0.0)
    package27669 (1.0.0)
    package27670 (1.0.0)
    package27671 (1.0.0)
    package27672 (1.0.0)
    package27673 (1.0.0)
    package27674 (1.0.0)
    package27675 (1.0.0)
    package27676 (1.0.0)
    package27677 (1.0.0)
    package27678 (1.0.0)
    package27679 (1.0.0)
    package27680 (1.0.0)
    package27681 (1.0.0)
    package27682 (1.0.0)
    package27683 (1.0.0)
    package27684 (1.0.0)
    package27685 (1.0.0)
    package27686 (1.0.0)
    package27687 (1.0.0)
    package27688 (1.0.0)
    package27689 (1.0.0)
    package27690 (1.0.0)
    package27691 (1.0.0)
    package27692 (1.0.0)
    package27693 (1.0.0)
    package27694 (1.0.0)
    package27695 (1.0.0)
    package27696 (1.0.0)
    package27697 (1.0.0)
    package27698 (1.0.0)
    package27699 (1.0.0)
    package27700 (1.0.0)
    package27701 (1.0.0)
    package27702 (1.0.0)
    package27703 (1.0.0)
    package27704 (1.0.0)
    package27705 (1.0.0)
    package27706 (1.0.0)
    package27707 (1.0.0)
    package27708 (1.0.0)
    package27709 (1.0.0)
    package27710 (1.0.0)
    package27711 (1.0.0)
    package27712 (1.0.0)
    package27713 (1.0.0)
    package27714 (1.0.0)
    package27715 (1.0.0)
    package27716 (1.0.0)
    package27717 (1.0.0)
    package27718 (1.0.0)
    package27719 (1.0.0)
    package27720 (1.0.0)
    package27721 (1.0.0)
    package27722 (1.0.0)
    package27723 (1.0.0)
    package27724 (1.0.0)
    package27725 (1.0.0)
    package27726 (1.0.0)
    package27727 (1.0.0)
    package27728 (1.0.0)
    package27729 (1.0.0)
    package27730 (1.0.0)
    package27731 (1.0.0)
    package27732 (1.0.0)
    package27733 (1.0.0)
    package27734 (1.0.0)
    package27735 (1.0.0)
    package27736 (1.0.0)
    package27737 (1.0.0)
    package27738 (1.0.0)
    package27739 (1.0.0)
    package27740 (1.0.0)
    package27741 (1.0.0)
    package27742 (1.0.0)
    package27743 (1.0.0)
    package27744 (1.0.0)
    package27745 (1.0.0)
    package27746 (1.0.0)
    package27747 (1.0.0)
    package27748 (1.0.0)
    package27749 (1.0.0)
    package27750 (1.0.0)
    package27751 (1.0.0)
    package27752 (1.0.0)
    package27753 (1.0.0)
    package27754 (1.0.0)
    package27755 (1.0.0)
    package27756 (1.0.0)
    package27757 (1.0.0)
    package27758 (1.0.0)
    package27759 (1.0.0)
    package27760 (1.0.0)
    package27761 (1.0.0)
    package27762 (1.0.0)
    package27763 (1.0.0)
    package27764 (1.0.0)
    package27765 (1.0.0)
    package27766 (1.0.0)
    package27767 (1.0.0)
    package27768 (1.0.0)
    package27769 (1.0.0)
    package27770 (1.0.0)
    package27771 (1.0.0)
    package27772 (1.0.0)
    package27773 (1.0.0)
    package27774 (1.0.0)
    package27775 (1.0.0)
    package27776 (1.0.0)
    package27777 (1.0.0)
    package27778 (1.0.0)
    package27779 (1.0.0)
    package27780 (1.0.0)
    package27781 (1.0.0)
    package27782 (1.0.0)
    package27783 (1.0.0)
    package27784 (1.0.0)
    package27785 (1.0.0)
    package27786 (1.0.0)
    package27787 (1.0.0)
    package27788 (1.0.0)
    package27789 (1.0.0)
    package27790 (1.0.0)
    package27791 (1.0.0)
    package27792 (1.0.0)
    package27793 (1.0.0)
    package27794 (1.0.0)
    package27795 (1.0.0)
    package27796 (1.0.0)
    package27797 (1.0.0)
    package27798 (1.0.0)
    package27799 (1.0.0)
    package27800 (1.0.0)
    package27801 (1.0.0)
    package27802 (1.0.0)
    package27803 (1.0.0)
    package27804 (1.0.0)
    package27805 (1.0.0)
    package27806 (1.0.0)
    package27807 (1.0.0)
    package27808 (1.0.0)
    package27809 (1.0.0)
    package27810 (1.0.0)
    package27811 (1.0.0)
    package27812 (1.0.0)
    package27813 (1.0.0)
    package27814 (1.0.0)
    package27815 (1.0.0)
    package27816 (1.0.0)
    package27817 (1.0.0)
    package27818 (1.0.0)
    package27819 (1.0.0)
    package27820 (1.0.0)
    package27821 (1.0.0)
    package27822 (1.0.0)
    package27823 (1.0.0)
    package27824 (1.0.0)
    package27825 (1.0.0)
    package27826 (1.0.0)
    package27827 (1.0.0)
    package27828 (1.0.0)
    package27829 (1.0.0)
    package27830 (1.0.0)
    package27831 (1.0.0)
    package27832 (1.0.0)
    package27833 (1.0.0)
    package27834 (1.0.0)
    package27835 (1.0.0)
    package27836 (1.0.0)
    package27837 (1.0.0)
    package27838 (1.0.0)
    package27839 (1.0.0)
    package27840 (1.0.0)
    package27841 (1.0.0)
    package27842 (1.0.0)
    package27843 (1.0.0)
    package27844 (1.0.0)
    package27845 (1.0.0)
    package27846 (1.0.0)
    package27847 (1.0.0)
    package27848 (1.0.0)
    package27849 (1.0.0)
    package27850 (1.0.0)
    package27851 (1.0.0)
    package27852 (1.0.0)
    package27853 (1.0.0)
    package27854 (1.0.0)
    package27855 (1.0.0)
    package27856 (1.0.0)
    package27857 (1.0.0)
    package27858 (1.0.0)
    package27859 (1.0.0)
    package27860 (1.0.0)
    package27861 (1.0.0)
    package27862 (1.0.0)
    package27863 (1.0.0)
    package27864 (1.0.0)
    package27865 (1.0.0)
    package27866 (1.0.0)
    package27867 (1.0.0)
    package27868 (1.0.0)
    package27869 (1.0.0)
    package27870 (1.0.0)
    package27871 (1.0.0)
    package27872 (1.0.0)
    package27873 (1.0.0)
    package27874 (1.0.0)
    package27875 (1.0.0)
    package27876 (1.0.0)
    package27877 (1.0.0)
    package27878 (1.0.0)
    package27879 (1.0.0)
    package27880 (1.0.0)
    package27881 (1.0.0)
    package27882 (1.0.0)
    package27883 (1.0.0)
    package27884 (1.0.0)
    package27885 (1.0.0)
    package27886 (1.0.0)
    package27887 (1.0.0)
    package27888 (1.0.0)
    package27889 (1.0.0)
    package27890 (1.0.0)
    package27891 (1.0.0)
    package27892 (1.0.0)
    package27893 (1.0.0)
    package27894 (1.0.0)
    package27895 (1.0.0)
    package27896 (1.0.0)
    package27897 (1.0.0)
    package27898 (1.0.0)
    package27899 (1.0.0)
    package27900 (1.0.0)
    package27901 (1.0.0)
    package27902 (1.0.0)
    package27903 (1.0.0)
    package27904 (1.0.0)
    package27905 (1.0.0)
    package27906 (1.0.0)
    package27907 (1.0.0)
    package27908 (1.0.0)
    package27909 (1.0.0)
    package27910 (1.0.0)
    package27911 (1.0.0)
    package27912 (1.0.0)
    package27913 (1.0.0)
    package27914 (1.0.0)
    package27915 (1.0.0)
    package27916 (1.0.0)
    package27917 (1.0.0)
    package27918 (1.0.0)
    package27919 (1.0.0)
    package27920 (1.0.0)
    package27921 (1.0.0)
    package27922 (1.0.0)
    package27923 (1.0.0)
    package27924 (1.0.0)
    package27925 (1.0.0)
    package27926 (1.0.0)
    package27927 (1.0.0)
    package27928 (1.0.0)
    package27929 (1.0.0)
    package27930 (1.0.0)
    package27931 (1.0.0)
    package27932 (1.0.0)
    package27933 (1.0.0)
    package27934 (1.0.0)
    package27935 (1.0.0)
    package27936 (1.0.0)
    package27937 (1.0.0)
    package27938 (1.0.0)
    package27939 (1.0.0)
    package27940 (1.0.0)
    package27941 (1.0.0)
    package27942 (1.0.0)
    package27943 (1.0.0)
    package27944 (1.0.0)
    package27945 (1.0.0)
    package27946 (1.0.0)
    package27947 (1.0.0)
    package27948 (1.0.0)
    package27949 (1.0.0)
    package27950 (1.0.0)
    package27951 (1.0.0)
    package27952 (1.0.0)
    package27953 (1.0.0)
    package27954 (1.0.0)
    package27955 (1.0.0)
    package27956 (1.0.0)
    package27957 (1.0.0)
    package27958 (1.0.0)
    package27959 (1.0.0)
    package27960 (1.0.0)
    package27961 (1.0.0)
    package27962 (1.0.0)
    package27963 (1.0.0)
    package27964 (1.0.0)
    package27965 (1.0.0)
    package27966 (1.0.0)
    package27967 (1.0.0)
    package27968 (1.0.0)
    package27969 (1.0.0)
    package27970 (1.0.0)
    package27971 (1.0.0)
    package27972 (1.0.0)
    package27973 (1.0.0)
    package27974 (1.0.0)
    package27975 (1.0.0)
    package27976 (1.0.0)
    package27977 (1.0.0)
    package27978 (1.0.0)
    package27979 (1.0.0)
    package27980 (1.0.0)
    package27981 (1.0.0)
    package27982 (1.0.0)
    package27983 (1.0.0)
    package27984 (1.0.0)
    package27985 (1.0.0)
    package27986 (1.0.0)
    package27987 (1.0.0)
    package27988 (1.0.0)
    package27989 (1.0.0)
    package27990 (1.0.0)
    package27991 (1.0.0)
    package27992 (1.0.0)
    package27993 (1.0.0)
    package27994 (1.0.0)
    package27995 (1.0.0)
    package27996 (1.0.0)
    package27997 (1.0.0)
    package27998 (1.0.0)
    package27999 (1.0.0)
    package28000 (1.0.0)
    package28001 (1.0.0)
    package28002 (1.0.0)
    package28003 (1.0.0)
    package28004 (1.0.0)
    package28005 (1.0.0)
    package28006 (1.0.0)
    package28007 (1.0.0)
    package28008 (1.0.0)
    package28009 (1.0.0)
    package28010 (1.0.0)
    package28011 (1.0.0)
    package28012 (1.0.0)
    package28013 (1.0.0)
    package28014 (1.0.0)
    package28015 (1.0.0)
    package28016 (1.0.0)
    package28017 (1.0.0)
    package28018 (1.0.0)
    package28019 (1.0.0)
    package28020 (1.0.0)
    package28021 (1.0.0)
    package28022 (1.0.0)
    package28023 (1.0.0)
    package28024 (1.0.0)
    package28025 (1.0.0)
    package28026 (1.0.0)
    package28027 (1.0.0)
    package28028 (1.0.0)
    package28029 (1.0.0)
    package28030 (1.0.0)
    package28031 (1.0.0)
    package28032 (1.0.0)
    package28033 (1.0.0)
    package28034 (1.0.0)
    package28035 (1.0.0)
    package28036 (1.0.0)
    package28037 (1.0.0)
    package28038 (1.0.0)
    package28039 (1.0.0)
    package28040 (1.0.0)
    package28041 (1.0.0)
    package28042 (1.0.0)
    package28043 (1.0.0)
    package28044 (1.0.0)
    package28045 (1.0.0)
    package28046 (1.0.0)
    package28047 (1.0.0)
    package28048 (1.0.0)
    package28049 (1.0.0)
    package28050 (1.0.0)
    package28051 (1.0.0)
    package28052 (1.0.0)
    package28053 (1.0.0)
    package28054 (1.0.0)
    package28055 (1.0.0)
    package28056 (1.0.0)
    package28057 (1.0.0)
    package28058 (1.0.0)
    package28059 (1.0.0)
    package28060 (1.0.0)
    package28061 (1.0.0)
    package28062 (1.0.0)
    package28063 (1.0.0)
    package28064 (1.0.0)
    package28065 (1.0.0)
    package28066 (1.0.0)
    package28067 (1.0.0)
    package28068 (1.0.0)
    package28069 (1.0.0)
    package28070 (1.0.0)
    package28071 (1.0.0)
    package28072 (1.0.0)
    package28073 (1.0.0)
    package28074 (1.0.0)
    package28075 (1.0.0)
    package28076 (1.0.0)
    package28077 (1.0.0)
    package28078 (1.0.0)
    package28079 (1.0.0)
    package28080 (1.0.0)
    package28081 (1.0.0)
    package28082 (1.0.0)
    package28083 (1.0.0)
    package28084 (1.0.0)
    package28085 (1.0.0)
    package28086 (1.0.0)
    package28087 (1.0.0)
    package28088 (1.0.0)
    package28089 (1.0.0)
    package28090 (1.0.0)
    package28091 (1.0.0)
    package28092 (1.0.0)
    package28093 (1.0.0)
    package28094 (1.0.0)
    package28095 (1.0.0)
    package28096 (1.0.0)
    package28097 (1.0.0)
    package28098 (1.0.0)
    package28099 (1.0.0)
    package28100 (1.0.0)
    package28101 (1.0.0)
    package28102 (1.0.0)
    package28103 (1.0.0)
    package28104 (1.0.0)
    package28105 (1.0.0)
    package28106 (1.0.0)
    package28107 (1.0.0)
    package28108 (1.0.0)
    package28109 (1.0.0)
    package28110 (1.0.0)
    package28111 (1.0.0)
    package28112 (1.0.0)
    package28113 (1.0.0)
    package28114 (1.0.0)
    package28115 (1.0.0)
    package28116 (1.0.0)
    package28117 (1.0.0)
    package28118 (1.0.0)
    package28119 (1.0.0)
    package28120 (1.0.0)
    package28121 (1.0.0)
    package28122 (1.0.0)
    package28123 (1.0.0)
    package28124 (1.0.0)
    package28125 (1.0.0)
    package28126 (1.0.0)
    package28127 (1.0.0)
    package28128 (1.0.0)
    package28129 (1.0.0)
    package28130 (1.0.0)
    package28131 (1.0.0)
    package28132 (1.0.0)
    package28133 (1.0.0)
    package28134 (1.0.0)
    package28135 (1.0.0)
    package28136 (1.0.0)
    package28137 (1.0.0)
    package28138 (1.0.0)
    package28139 (1.0.0)
    package28140 (1.0.0)
    package28141 (1.0.0)
    package28142 (1.0.0)
    package28143 (1.0.0)
    package28144 (1.0.0)
    package28145 (1.0.0)
    package28146 (1.0.0)
    package28147 (1.0.0)
    package28148 (1.0.0)
    package28149 (1.0.0)
    package28150 (1.0.0)
    package28151 (1.0.0)
    package28152 (1.0.0)
    package28153 (1.0.0)
    package28154 (1.0.0)
    package28155 (1.0.0)
    package28156 (1.0.0)
    package28157 (1.0.0)
    package28158 (1.0.0)
    package28159 (1.0.0)
    package28160 (1.0.0)
    package28161 (1.0.0)
    package28162 (1.0.0)
    package28163 (1.0.0)
    package28164 (1.0.0)
    package28165 (1.0.0)
    package28166 (1.0.0)
    package28167 (1.0.0)
    package28168 (1.0.0)
    package28169 (1.0.0)
    package28170 (1.0.0)
    package28171 (1.0.0)
    package28172 (1.0.0)
    package28173 (1.0.0)
    package28174 (1.0.0)
    package28175 (1.0.0)
    package28176 (1.0.0)
    package28177 (1.0.0)
    package28178 (1.0.0)
    package28179 (1.0.0)
    package28180 (1.0.0)
    package28181 (1.0.0)
    package28182 (1.0.0)
    package28183 (1.0.0)
    package28184 (1.0.0)
    package28185 (1.0.0)
    package28186 (1.0.0)
    package28187 (1.0.0)
    package28188 (1.0.0)
    package28189 (1.0.0)
    package28190 (1.0.0)
    package28191 (1.0.0)
    package28192 (1.0.0)
    package28193 (1.0.0)
    package28194 (1.0.0)
    package28195 (1.0.0)
    package28196 (1.0.0)
    package28197 (1.0.0)
    package28198 (1.0.0)
    package28199 (1.0.0)
    package28200 (1.0.0)
    package28201 (1.0.0)
    package28202 (1.0.0)
    package28203 (1.0.0)
    package28204 (1.0.0)
    package28205 (1.0.0)
    package28206 (1.0.0)
    package28207 (1.0.0)
    package28208 (1.0.0)
    package28209 (1.0.0)
    package28210 (1.0.0)
    package28211 (1.0.0)
    package28212 (1.0.0)
    package28213 (1.0.0)
    package28214 (1.0.0)
    package28215 (1.0.0)
    package28216 (1.0.0)
    package28217 (1.0.0)
    package28218 (1.0.0)
    package28219 (1.0.0)
    package28220 (1.0.0)
    package28221 (1.0.0)
    package28222 (1.0.0)
    package28223 (1.0.0)
    package28224 (1.0.0)
    package28225 (1.0.0)
    package28226 (1.0.0)
    package28227 (1.0.0)
    package28228 (1.0.0)
    package28229 (1.0.0)
    package28230 (1.0.0)
    package28231 (1.0.0)
    package28232 (1.0.0)
    package28233 (1.0.0)
    package28234 (1.0.0)
    package28235 (1.0.0)
    package28236 (1.0.0)
    package28237 (1.0.0)
    package28238 (1.0.0)
    package28239 (1.0.0)
    package28240 (1.0.0)
    package28241 (1.0.0)
    package28242 (1.0.0)
    package28243 (1.0.0)
    package28244 (1.0.0)
    package28245 (1.0.0)
    package28246 (1.0.0)
    package28247 (1.0.0)
    package28248 (1.0.0)
    package28249 (1.0.0)
    package28250 (1.0.0)
    package28251 (1.0.0)
    package28252 (1.0.0)
    package28253 (1.0.0)
    package28254 (1.0.0)
    package28255 (1.0.0)
    package28256 (1.0.0)
    package28257 (1.0.0)
    package28258 (1.0.0)
    package28259 (1.0.0)
    package28260 (1.0.0)
    package28261 (1.0.0)
    package28262 (1.0.0)
    package28263 (1.0.0)
    package28264 (1.0.0)
    package28265 (1.0.0)
    package28266 (1.0.0)
    package28267 (1.0.0)
    package28268 (1.0.0)
    package28269 (1.0.0)
    package28270 (1.0.0)
    package28271 (1.0.0)
    package28272 (1.0.0)
    package28273 (1.0.0)
    package28274 (1.0.0)
    package28275 (1.0.0)
    package28276 (1.0.0)
    package28277 (1.0.0)
    package28278 (1.0.0)
    package28279 (1.0.0)
    package28280 (1.0.0)
    package28281 (1.0.0)
    package28282 (1.0.0)
    package28283 (1.0.0)
    package28284 (1.0.0)
    package28285 (1.0.0)
    package28286 (1.0.0)
    package28287 (1.0.0)
    package28288 (1.0.0)
    package28289 (1.0.0)
    package28290 (1.0.0)
    package28291 (1.0.0)
    package28292 (1.0.0)
    package28293 (1.0.0)
    package28294 (1.0.0)
    package28295 (1.0.0)
    package28296 (1.0.0)
    package28297 (1.0.0)
    package28298 (1.0.0)
    package28299 (1.0.0)
    package28300 (1.0.0)
    package28301 (1.0.0)
    package28302 (1.0.0)
    package28303 (1.0.0)
    package28304 (1.0.0)
    package28305 (1.0.0)
    package28306 (1.0.0)
    package28307 (1.0.0)
    package28308 (1.0.0)
    package28309 (1.0.0)
    package28310 (1.0.0)
    package28311 (1.0.0)
    package28312 (1.0.0)
    package28313 (1.0.0)
    package28314 (1.0.0)
    package28315 (1.0.0)
    package28316 (1.0.0)
    package28317 (1.0.0)
    package28318 (1.0.0)
    package28319 (1.0.0)
    package28320 (1.0.0)
    package28321 (1.0.0)
    package28322 (1.0.0)
    package28323 (1.0.0)
    package28324 (1.0.0)
    package28325 (1.0.0)
    package28326 (1.0.0)
    package28327 (1.0.0)
    package28328 (1.0.0)
    package28329 (1.0.0)
    package28330 (1.0.0)
    package28331 (1.0.0)
    package28332 (1.0.0)
    package28333 (1.0.0)
    package28334 (1.0.0)
    package28335 (1.0.0)
    package28336 (1.0.0)
    package28337 (1.0.0)
    package28338 (1.0.0)
    package28339 (1.0.0)
    package28340 (1.0.0)
    package28341 (1.0.0)
    package28342 (1.0.0)
    package28343 (1.0.0)
    package28344 (1.0.0)
    package28345 (1.0.0)
    package28346 (1.0.0)
    package28347 (1.0.0)
    package28348 (1.0.0)
    package28349 (1.0.0)
    package28350 (1.0.0)
    package28351 (1.0.0)
    package28352 (1.0.0)
    package28353 (1.0.0)
    package28354 (1.0.0)
    package28355 (1.0.0)
    package28356 (1.0.0)
    package28357 (1.0.0)
    package28358 (1.0.0)
    package28359 (1.0.0)
    package28360 (1.0.0)
    package28361 (1.0.0)
    package28362 (1.0.0)
    package28363 (1.0.0)
    package28364 (1.0.0)
    package28365 (1.0.0)
    package28366 (1.0.0)
    package28367 (1.0.0)
    package28368 (1.0.0)
    package28369 (1.0.0)
    package28370 (1.0.0)
    package28371 (1.0.0)
    package28372 (1.0.0)
    package28373 (1.0.0)
    package28374 (1.0.0)
    package28375 (1.0.0)
    package28376 (1.0.0)
    package28377 (1.0.0)
    package28378 (1.0.0)
    package28379 (1.0.0)
    package28380 (1.0.0)
    package28381 (1.0.0)
    package28382 (1.0.0)
    package28383 (1.0.0)
    package28384 (1.0.0)
    package28385 (1.0.0)
    package28386 (1.0.0)
    package28387 (1.0.0)
    package28388 (1.0.0)
    package28389 (1.0.0)
    package28390 (1.0.0)
    package28391 (1.0.0)
    package28392 (1.0.0)
    package28393 (1.0.0)
    package28394 (1.0.0)
    package28395 (1.0.0)
    package28396 (1.0.0)
    package28397 (1.0.0)
    package28398 (1.0.0)
    package28399 (1.0.0)
    package28400 (1.0.0)
    package28401 (1.0.0)
    package28402 (1.0.0)
    package28403 (1.0.0)
    package28404 (1.0.0)
    package28405 (1.0.0)
    package28406 (1.0.0)
    package28407 (1.0.0)
    package28408 (1.0.0)
    package28409 (1.0.0)
    package28410 (1.0.0)
    package28411 (1.0.0)
    package28412 (1.0.0)
    package28413 (1.0.0)
    package28414 (1.0.0)
    package28415 (1.0.0)
    package28416 (1.0.0)
    package28417 (1.0.0)
    package28418 (1.0.0)
    package28419 (1.0.0)
    package28420 (1.0.0)
    package28421 (1.0.0)
    package28422 (1.0.0)
    package28423 (1.0.0)
    package28424 (1.0.0)
    package28425 (1.0.0)
    package28426 (1.0.0)
    package28427 (1.0.0)
    package28428 (1.0.0)
    package28429 (1.0.0)
    package28430 (1.0.0)
    package28431 (1.0.0)
    package28432 (1.0.0)
    package28433 (1.0.0)
    package28434 (1.0.0)
    package28435 (1.0.0)
    package28436 (1.0.0)
    package28437 (1.0.0)
    package28438 (1.0.0)
    package28439 (1.0.0)
    package28440 (1.0.0)
    package28441 (1.0.0)
    package28442 (1.0.0)
    package28443 (1.0.0)
    package28444 (1.0.0)
    package28445 (1.0.0)
    package28446 (1.0.0)
    package28447 (1.0.0)
    package28448 (1.0.0)
    package28449 (1.0.0)
    package28450 (1.0.0)
    package28451 (1.0.0)
    package28452 (1.0.0)
    package28453 (1.0.0)
    package28454 (1.0.0)
    package28455 (1.0.0)
    package28456 (1.0.0)
    package28457 (1.0.0)
    package28458 (1.0.0)
    package28459 (1.0.0)
    package28460 (1.0.0)
    package28461 (1.0.0)
    package28462 (1.0.0)
    package28463 (1.0.0)
    package28464 (1.0.0)
    package28465 (1.0.0)
    package28466 (1.0.0)
    package28467 (1.0.0)
    package28468 (1.0.0)
    package28469 (1.0.0)
    package28470 (1.0.0)
    package28471 (1.0.0)
    package28472 (1.0.0)
    package28473 (1.0.0)
    package28474 (1.0.0)
    package28475 (1.0.0)
    package28476 (1.0.0)
    package28477 (1.0.0)
    package28478 (1.0.0)
    package28479 (1.0.0)
    package28480 (1.0.0)
    package28481 (1.0.0)
    package28482 (1.0.0)
    package28483 (1.0.0)
    package28484 (1.0.0)
    package28485 (1.0.0)
    package28486 (1.0.0)
    package28487 (1.0.0)
    package28488 (1.0.0)
    package28489 (1.0.0)
    package28490 (1.0.0)
    package28491 (1.0.0)
    package28492 (1.0.0)
    package28493 (1.0.0)
    package28494 (1.0.0)
    package28495 (1.0.0)
    package28496 (1.0.0)
    package28497 (1.0.0)
    package28498 (1.0.0)
    package28499 (1.0.0)
    package28500 (1.0.0)
    package28501 (1.0.0)
    package28502 (1.0.0)
    package28503 (1.0.0)
    package28504 (1.0.0)
    package28505 (1.0.0)
    package28506 (1.0.0)
    package28507 (1.0.0)
    package28508 (1.0.0)
    package28509 (1.0.0)
    package28510 (1.0.0)
    package28511 (1.0.0)
    package28512 (1.0.0)
    package28513 (1.0.0)
    package28514 (1.0.0)
    package28515 (1.0.0)
    package28516 (1.0.0)
    package28517 (1.0.0)
    package28518 (1.0.0)
    package28519 (1.0.0)
    package28520 (1.0.0)
    package28521 (1.0.0)
    package28522 (1.0.0)
    package28523 (1.0.0)
    package28524 (1.0.0)
    package28525 (1.0.0)
    package28526 (1.0.0)
    package28527 (1.0.0)
    package28528 (1.0.0)
    package28529 (1.0.0)
    package28530 (1.0.0)
    package28531 (1.0.0)
    package28532 (1.0.0)
    package28533 (1.0.0)
    package28534 (1.0.0)
    package28535 (1.0.0)
    package28536 (1.0.0)
    package28537 (1.0.0)
    package28538 (1.0.0)
    package28539 (1.0.0)
    package28540 (1.0.0)
    package28541 (1.0.0)
    package28542 (1.0.0)
    package28543 (1.0.0)
    package28544 (1.0.0)
    package28545 (1.0.0)
    package28546 (1.0.0)
    package28547 (1.0.0)
    package28548 (1.0.0)
    package28549 (1.0.0)
    package28550 (1.0.0)
    package28551 (1.0.0)
    package28552 (1.0.0)
    package28553 (1.0.0)
    package28554 (1.0.0)
    package28555 (1.0.0)
    package28556 (1.0.0)
    package28557 (1.0.0)
    package28558 (1.0.0)
    package28559 (1.0.0)
    package28560 (1.0.0)
    package28561 (1.0.0)
    package28562 (1.0.0)
    package28563 (1.0.0)
    package28564 (1.0.0)
    package28565 (1.0.0)
    package28566 (1.0.0)
    package28567 (1.0.0)
    package28568 (1.0.0)
    package28569 (1.0.0)
    package28570 (1.0.0)
    package28571 (1.0.0)
    package28572 (1.0.0)
    package28573 (1.0.0)
    package28574 (1.0.0)
    package28575 (1.0.0)
    package28576 (1.0.0)
    package28577 (1.0.0)
    package28578 (1.0.0)
    package28579 (1.0.0)
    package28580 (1.0.0)
    package28581 (1.0.0)
    package28582 (1.0.0)
    package28583 (1.0.0)
    package28584 (1.0.0)
    package28585 (1.0.0)
    package28586 (1.0.0)
    package28587 (1.0.0)
    package28588 (1.0.0)
    package28589 (1.0.0)
    package28590 (1.0.0)
    package28591 (1.0.0)
    package28592 (1.0.0)
    package28593 (1.0.0)
    package28594 (1.0.0)
    package28595 (1.0.0)
    package28596 (1.0.0)
    package28597 (1.0.0)
    package28598 (1.0.0)
    package28599 (1.0.0)
    package28600 (1.0.0)
    package28601 (1.0.0)
    package28602 (1.0.0)
    package28603 (1.0.0)
    package28604 (1.0.0)
    package28605 (1.0.0)
    package28606 (1.0.0)
    package28607 (1.0.0)
    package28608 (1.0.0)
    package28609 (1.0.0)
    package28610 (1.0.0)
    package28611 (1.0.0)
    package28612 (1.0.0)
    package28613 (1.0.0)
    package28614 (1.0.0)
    package28615 (1.0.0)
    package28616 (1.0.0)
    package28617 (1.0.0)
    package28618 (1.0.0)
    package28619 (1.0.0)
    package28620 (1.0.0)
    package28621 (1.0.0)
    package28622 (1.0.0)
    package28623 (1.0.0)
    package28624 (1.0.0)
    package28625 (1.0.0)
    package28626 (1.0.0)
    package28627 (1.0.0)
    package28628 (1.0.0)
    package28629 (1.0.0)
    package28630 (1.0.0)
    package28631 (1.0.0)
    package28632 (1.0.0)
    package28633 (1.0.0)
    package28634 (1.0.0)
    package28635 (1.0.0)
    package28636 (1.0.0)
    package28637 (1.0.0)
    package28638 (1.0.0)
    package28639 (1.0.0)
    package28640 (1.0.0)
    package28641 (1.0.0)
    package28642 (1.0.0)
    package28643 (1.0.0)
    package28644 (1.0.0)
    package28645 (1.0.0)
    package28646 (1.0.0)
    package28647 (1.0.0)
    package28648 (1.0.0)
    package28649 (1.0.0)
    package28650 (1.0.0)
    package28651 (1.0.0)
    package28652 (1.0.0)
    package28653 (1.0.0)
    package28654 (1.0.0)
    package28655 (1.0.0)
    package28656 (1.0.0)
    package28657 (1.0.0)
    package28658 (1.0.0)
    package28659 (1.0.0)
    package28660 (1.0.0)
    package28661 (1.0.0)
    package28662 (1.0.0)
    package28663 (1.0.0)
    package28664 (1.0.0)
    package28665 (1.0.0)
    package28666 (1.0.0)
    package28667 (1.0.0)
    package28668 (1.0.0)
    package28669 (1.0.0)
    package28670 (1.0.0)
    package28671 (1.0.0)
    package28672 (1.0.0)
    package28673 (1.0.0)
    package28674 (1.0.0)
    package28675 (1.0.0)
    package28676 (1.0.0)
    package28677 (1.0.0)
    package28678 (1.0.0)
    package28679 (1.0.0)
    package28680 (1.0.0)
    package28681 (1.0.0)
    package28682 (1.0.0)
    package28683 (1.0.0)
    package28684 (1.0.0)
    package28685 (1.0.0)
    package28686 (1.0.0)
    package28687 (1.0.0)
    package28688 (1.0.0)
    package28689 (1.0.0)
    package28690 (1.0.0)
    package28691 (1.0.0)
    package28692 (1.0.0)
    package28693 (1.0.0)
    package28694 (1.0.0)
    package28695 (1.0.0)
    package28696 (1.0.0)
    package28697 (1.0.0)
    package28698 (1.0.0)
    package28699 (1.0.0)
    package28700 (1.0.0)
    package28701 (1.0.0)
    package28702 (1.0.0)
    package28703 (1.0.0)
    package28704 (1.0.0)
    package28705 (1.0.0)
    package28706 (1.0.0)
    package28707 (1.0.0)
    package28708 (1.0.0)
    package28709 (1.0.0)
    package28710 (1.0.0)
    package28711 (1.0.0)
    package28712 (1.0.0)
    package28713 (1.0.0)
    package28714 (1.0.0)
    package28715 (1.0.0)
    package28716 (1.0.0)
    package28717 (1.0.0)
    package28718 (1.0.0)
    package28719 (1.0.0)
    package28720 (1.0.0)
    package28721 (1.0.0)
    package28722 (1.0.0)
    package28723 (1.0.0)
    package28724 (1.0.0)
    package28725 (1.0.0)
    package28726 (1.0.0)
    package28727 (1.0.0)
    package28728 (1.0.0)
    package28729 (1.0.0)
    package28730 (1.0.0)
    package28731 (1.0.0)
    package28732 (1.0.0)
    package28733 (1.0.0)
    package28734 (1.0.0)
    package28735 (1.0.0)
    package28736 (1.0.0)
    package28737 (1.0.0)
    package28738 (1.0.0)
    package28739 (1.0.0)
    package28740 (1.0.0)
    package28741 (1.0.0)
    package28742 (1.0.0)
    package28743 (1.0.0)
    package28744 (1.0.0)
    package28745 (1.0.0)
    package28746 (1.0.0)
    package28747 (1.0.0)
    package28748 (1.0.0)
    package28749 (1.0.0)
    package28750 (1.0.0)
    package28751 (1.0.0)
    package28752 (1.0.0)
    package28753 (1.0.0)
    package28754 (1.0.0)
    package28755 (1.0.0)
    package28756 (1.0.0)
    package28757 (1.0.0)
    package28758 (1.0.0)
    package28759 (1.0.0)
    package28760 (1.0.0)
    package28761 (1.0.0)
    package28762 (1.0.0)
    package28763 (1.0.0)
    package28764 (1.0.0)
    package28765 (1.0.0)
    package28766 (1.0.0)
    package28767 (1.0.0)
    package28768 (1.0.0)
    package28769 (1.0.0)
    package28770 (1.0.0)
    package28771 (1.0.0)
    package28772 (1.0.0)
    package28773 (1.0.0)
    package28774 (1.0.0)
    package28775 (1.0.0)
    package28776 (1.0.0)
    package28777 (1.0.0)
    package28778 (1.0.0)
    package28779 (1.0.0)
    package28780 (1.0.0)
    package28781 (1.0.0)
    package28782 (1.0.0)
    package28783 (1.0.0)
    package28784 (1.0.0)
    package28785 (1.0.0)
    package28786 (1.0.0)
    package28787 (1.0.0)
    package28788 (1.0.0)
    package28789 (1.0.0)
    package28790 (1.0.0)
    package28791 (1.0.0)
    package28792 (1.0.0)
    package28793 (1.0.0)
    package28794 (1.0.0)
    package28795 (1.0.0)
    package28796 (1.0.0)
    package28797 (1.0.0)
    package28798 (1.0.0)
    package28799 (1.0.0)
    package28800 (1.0.0)
    package28801 (1.0.0)
    package28802 (1.0.0)
    package28803 (1.0.0)
    package28804 (1.0.0)
    package28805 (1.0.0)
    package28806 (1.0.0)
    package28807 (1.0.0)
    package28808 (1.0.0)
    package28809 (1.0.0)
    package28810 (1.0.0)
    package28811 (1.0.0)
    package28812 (1.0.0)
    package28813 (1.0.0)
    package28814 (1.0.0)
    package28815 (1.0.0)
    package28816 (1.0.0)
    package28817 (1.0.0)
    package28818 (1.0.0)
    package28819 (1.0.0)
    package28820 (1.0.0)
    package28821 (1.0.0)
    package28822 (1.0.0)
    package28823 (1.0.0)
    package28824 (1.0.0)
    package28825 (1.0.0)
    package28826 (1.0.0)
    package28827 (1.0.0)
    package28828 (1.0.0)
    package28829 (1.0.0)
    package28830 (1.0.0)
    package28831 (1.0.0)
    package28832 (1.0.0)
    package28833 (1.0.0)
    package28834 (1.0.0)
    package28835 (1.0.0)
    package28836 (1.0.0)
    package28837 (1.0.0)
    package28838 (1.0.0)
    package28839 (1.0.0)
    package28840 (1.0.0)
    package28841 (1.0.0)
    package28842 (1.0.0)
    package28843 (1.0.0)
    package28844 (1.0.0)
    package28845 (1.0.0)
    package28846 (1.0.0)
    package28847 (1.0.0)
    package28848 (1.0.0)
    package28849 (1.0.0)
    package28850 (1.0.0)
    package28851 (1.0.0)
    package28852 (1.0.0)
    package28853 (1.0.0)
    package28854 (1.0.0)
    package28855 (1.0.0)
    package28856 (1.0.0)
    package28857 (1.0.0)
    package28858 (1.0.0)
    package28859 (1.0.0)
    package28860 (1.0.0)
    package28861 (1.0.0)
    package28862 (1.0.0)
    package28863 (1.0.0)
    package28864 (1.0.0)
    package28865 (1.0.0)
    package28866 (1.0.0)
    package28867 (1.0.0)
    package28868 (1.0.0)
    package28869 (1.0.0)
    package28870 (1.0.0)
    package28871 (1.0.0)
    package28872 (1.0.0)
    package28873 (1.0.0)
    package28874 (1.0.0)
    package28875 (1.0.0)
    package28876 (1.0.0)
    package28877 (1.0.0)
    package28878 (1.0.0)
    package28879 (1.0.0)
    package28880 (1.0.0)
    package28881 (1.0.0)
    package28882 (1.0.0)
    package28883 (1.0.0)
    package28884 (1.0.0)
    package28885 (1.0.0)
    package28886 (1.0.0)
    package28887 (1.0.0)
    package28888 (1.0.0)
    package28889 (1.0.0)
    package28890 (1.0.0)
    package28891 (1.0.0)
    package28892 (1.0.0)
    package28893 (1.0.0)
    package28894 (1.0.0)
    package28895 (1.0.0)
    package28896 (1.0.0)
    package28897 (1.0.0)
    package28898 (1.0.0)
    package28899 (1.0.0)
    package28900 (1.0.0)
    package28901 (1.0.0)
    package28902 (1.0.0)
    package28903 (1.0.0)
    package28904 (1.0.0)
    package28905 (1.0.0)
    package28906 (1.0.0)
    package28907 (1.0.0)
    package28908 (1.0.0)
    package28909 (1.0.0)
    package28910 (1.0.0)
    package28911 (1.0.0)
    package28912 (1.0.0)
    package28913 (1.0.0)
    package28914 (1.0.0)
    package28915 (1.0.0)
    package28916 (1.0.0)
    package28917 (1.0.0)
    package28918 (1.0.0)
    package28919 (1.0.0)
    package28920 (1.0.0)
    package28921 (1.0.0)
    package28922 (1.0.0)
    package28923 (1.0.0)
    package28924 (1.0.0)
    package28925 (1.0.0)
    package28926 (1.0.0)
    package28927 (1.0.0)
    package28928 (1.0.0)
    package28929 (1.0.0)
    package28930 (1.0.0)
    package28931 (1.0.0)
    package28932 (1.0.0)
    package28933 (1.0.0)
    package28934 (1.0.0)
    package28935 (1.0.0)
    package28936 (1.0.0)
    package28937 (1.0.0)
    package28938 (1.0.0)
    package28939 (1.0.0)
    package28940 (1.0.0)
    package28941 (1.0.0)
    package28942 (1.0.0)
    package28943 (1.0.0)
    package28944 (1.0.0)
    package28945 (1.0.0)
    package28946 (1.0.0)
    package28947 (1.0.0)
    package28948 (1.0.0)
    package28949 (1.0.0)
    package28950 (1.0.0)
    package28951 (1.0.0)
    package28952 (1.0.0)
    package28953 (1.0.0)
    package28954 (1.0.0)
    package28955 (1.0.0)
    package28956 (1.0.0)
    package28957 (1.0.0)
    package28958 (1.0.0)
    package28959 (1.0.0)
    package28960 (1.0.0)
    package28961 (1.0.0)
    package28962 (1.0.0)
    package28963 (1.0.0)
    package28964 (1.0.0)
    package28965 (1.0.0)
    package28966 (1.0.0)
    package28967 (1.0.0)
    package28968 (1.0.0)
    package28969 (1.0.0)
    package28970 (1.0.0)
    package28971 (1.0.0)
    package28972 (1.0.0)
    package28973 (1.0.0)
    package28974 (1.0.0)
    package28975 (1.0.0)
    package28976 (1.0.0)
    package28977 (1.0.0)
    package28978 (1.0.0)
    package28979 (1.0.0)
    package28980 (1.0.0)
    package28981 (1.0.0)
    package28982 (1.0.0)
    package28983 (1.0.0)
    package28984 (1.0.0)
    package28985 (1.0.0)
    package28986 (1.0.0)
    package28987 (1.0.0)
    package28988 (1.0.0)
    package28989 (1.0.0)
    package28990 (1.0.0)
    package28991 (1.0.0)
    package28992 (1.0.0)
    package28993 (1.0.0)
    package28994 (1.0.0)
    package28995 (1.0.0)
    package28996 (1.0.0)
    package28997 (1.0.0)
    package28998 (1.0.0)
    package28999 (1.0.0)
    package29000 (1.0.0)
    package29001 (1.0.0)
    package29002 (1.0.0)
    package29003 (1.0.0)
    package29004 (1.0.0)
    package29005 (1.0.0)
    package29006 (1.0.0)
    package29007 (1.0.0)
    package29008 (1.0.0)
    package29009 (1.0.0)
    package29010 (1.0.0)
    package29011 (1.0.0)
    package29012 (1.0.0)
    package29013 (1.0.0)
    package29014 (1.0.0)
    package29015 (1.0.0)
    package29016 (1.0.0)
    package29017 (1.0.0)
    package29018 (1.0.0)
    package29019 (1.0.0)
    package29020 (1.0.0)
    package29021 (1.0.0)
    package29022 (1.0.0)
    package29023 (1.0.0)
    package29024 (1.0.0)
    package29025 (1.0.0)
    package29026 (1.0.0)
    package29027 (1.0.0)
    package29028 (1.0.0)
    package29029 (1.0.0)
    package29030 (1.0.0)
    package29031 (1.0.0)
    package29032 (1.0.0)
    package29033 (1.0.0)
    package29034 (1.0.0)
    package29035 (1.0.0)
    package29036 (1.0.0)
    package29037 (1.0.0)
    package29038 (1.0.0)
    package29039 (1.0.0)
    package29040 (1.0.0)
    package29041 (1.0.0)
    package29042 (1.0.0)
    package29043 (1.0.0)
    package29044 (1.0.0)
    package29045 (1.0.0)
    package29046 (1.0.0)
    package29047 (1.0.0)
    package29048 (1.0.0)
    package29049 (1.0.0)
    package29050 (1.0.0)
    package29051 (1.0.0)
    package29052 (1.0.0)
    package29053 (1.0.0)
    package29054 (1.0.0)
    package29055 (1.0.0)
    package29056 (1.0.0)
    package29057 (1.0.0)
    package29058 (1.0.0)
    package29059 (1.0.0)
    package29060 (1.0.0)
    package29061 (1.0.0)
    package29062 (1.0.0)
    package29063 (1.0.0)
    package29064 (1.0.0)
    package29065 (1.0.0)
    package29066 (1.0.0)
    package29067 (1.0.0)
    package29068 (1.0.0)
    package29069 (1.0.0)
    package29070 (1.0.0)
    package29071 (1.0.0)
    package29072 (1.0.0)
    package29073 (1.0.0)
    package29074 (1.0.0)
    package29075 (1.0.0)
    package29076 (1.0.0)
    package29077 (1.0.0)
    package29078 (1.0.0)
    package29079 (1.0.0)
    package29080 (1.0.0)
    package29081 (1.0.0)
    package29082 (1.0.0)
    package29083 (1.0.0)
    package29084 (1.0.0)
    package29085 (1.0.0)
    package29086 (1.0.0)
    package29087 (1.0.0)
    package29088 (1.0.0)
    package29089 (1.0.0)
    package29090 (1.0.0)
    package29091 (1.0.0)
    package29092 (1.0.0)
    package29093 (1.0.0)
    package29094 (1.0.0)
    package29095 (1.0.0)
    package29096 (1.0.0)
    package29097 (1.0.0)
    package29098 (1.0.0)
    package29099 (1.0.0)
    package29100 (1.0.0)
    package29101 (1.0.0)
    package29102 (1.0.0)
    package29103 (1.0.0)
    package29104 (1.0.0)
    package29105 (1.0.0)
    package29106 (1.0.0)
    package29107 (1.0.0)
    package29108 (1.0.0)
    package29109 (1.0.0)
    package29110 (1.0.0)
    package29111 (1.0.0)
    package29112 (1.0.0)
    package29113 (1.0.0)
    package29114 (1.0.0)
    package29115 (1.0.0)
    package29116 (1.0.0)
    package29117 (1.0.0)
    package29118 (1.0.0)
    package29119 (1.0.0)
    package29120 (1.0.0)
    package29121 (1.0.0)
    package29122 (1.0.0)
    package29123 (1.0.0)
    package29124 (1.0.0)
    package29125 (1.0.0)
    package29126 (1.0.0)
    package29127 (1.0.0)
    package29128 (1.0.0)
    package29129 (1.0.0)
    package29130 (1.0.0)
    package29131 (1.0.0)
    package29132 (1.0.0)
    package29133 (1.0.0)
    package29134 (1.0.0)
    package29135 (1.0.0)
    package29136 (1.0.0)
    package29137 (1.0.0)
    package29138 (1.0.0)
    package29139 (1.0.0)
    package29140 (1.0.0)
    package29141 (1.0.0)
    package29142 (1.0.0)
    package29143 (1.0.0)
    package29144 (1.0.0)
    package29145 (1.0.0)
    package29146 (1.0.0)
    package29147 (1.0.0)
    package29148 (1.0.0)
    package29149 (1.0.0)
    package29150 (1.0.0)
    package29151 (1.0.0)
    package29152 (1.0.0)
    package29153 (1.0.0)
    package29154 (1.0.0)
    package29155 (1.0.0)
    package29156 (1.0.0)
    package29157 (1.0.0)
    package29158 (1.0.0)
    package29159 (1.0.0)
    package29160 (1.0.0)
    package29161 (1.0.0)
    package29162 (1.0.0)
    package29163 (1.0.0)
    package29164 (1.0.0)
    package29165 (1.0.0)
    package29166 (1.0.0)
    package29167 (1.0.0)
    package29168 (1.0.0)
    package29169 (1.0.0)
    package29170 (1.0.0)
    package29171 (1.0.0)
    package29172 (1.0.0)
    package29173 (1.0.0)
    package29174 (1.0.0)
    package29175 (1.0.0)
    package29176 (1.0.0)
    package29177 (1.0.0)
    package29178 (1.0.0)
    package29179 (1.0.0)
    package29180 (1.0.0)
    package29181 (1.0.0)
    package29182 (1.0.0)
    package29183 (1.0.0)
    package29184 (1.0.0)
    package29185 (1.0.0)
    package29186 (1.0.0)
    package29187 (1.0.0)
    package29188 (1.0.0)
    package29189 (1.0.0)
    package29190 (1.0.0)
    package29191 (1.0.0)
    package29192 (1.0.0)
    package29193 (1.0.0)
    package29194 (1.0.0)
    package29195 (1.0.0)
    package29196 (1.0.0)
    package29197 (1.0.0)
    package29198 (1.0.0)
    package29199 (1.0.0)
    package29200 (1.0.0)
    package29201 (1.0.0)
    package29202 (1.0.0)
    package29203 (1.0.0)
    package29204 (1.0.0)
    package29205 (1.0.0)
    package29206 (1.0.0)
    package29207 (1.0.0)
    package29208 (1.0.0)
    package29209 (1.0.0)
    package29210 (1.0.0)
    package29211 (1.0.0)
    package29212 (1.0.0)
    package29213 (1.0.0)
    package29214 (1.0.0)
    package29215 (1.0.0)
    package29216 (1.0.0)
    package29217 (1.0.0)
    package29218 (1.0.0)
    package29219 (1.0.0)
    package29220 (1.0.0)
    package29221 (1.0.0)
    package29222 (1.0.0)
    package29223 (1.0.0)
    package29224 (1.0.0)
    package29225 (1.0.0)
    package29226 (1.0.0)
    package29227 (1.0.0)
    package29228 (1.0.0)
    package29229 (1.0.0)
    package29230 (1.0.0)
    package29231 (1.0.0)
    package29232 (1.0.0)
    package29233 (1.0.0)
    package29234 (1.0.0)
    package29235 (1.0.0)
    package29236 (1.0.0)
    package29237 (1.0.0)
    package29238 (1.0.0)
    package29239 (1.0.0)
    package29240 (1.0.0)
    package29241 (1.0.0)
    package29242 (1.0.0)
    package29243 (1.0.0)
    package29244 (1.0.0)
    package29245 (1.0.0)
    package29246 (1.0.0)
    package29247 (1.0.0)
    package29248 (1.0.0)
    package29249 (1.0.0)
    package29250 (1.0.0)
    package29251 (1.0.0)
    package29252 (1.0.0)
    package29253 (1.0.0)
    package29254 (1.0.0)
    package29255 (1.0.0)
    package29256 (1.0.0)
    package29257 (1.0.0)
    package29258 (1.0.0)
    package29259 (1.0.0)
    package29260 (1.0.0)
    package29261 (1.0.0)
    package29262 (1.0.0)
    package29263 (1.0.0)
    package29264 (1.0.0)
    package29265 (1.0.0)
    package29266 (1.0.0)
    package29267 (1.0.0)
    package29268 (1.0.0)
    package29269 (1.0.0)
    package29270 (1.0.0)
    package29271 (1.0.0)
    package29272 (1.0.0)
    package29273 (1.0.0)
    package29274 (1.0.0)
    package29275 (1.0.0)
    package29276 (1.0.0)
    package29277 (1.0.0)
    package29278 (1.0.0)
    package29279 (1.0.0)
    package29280 (1.0.0)
    package29281 (1.0.0)
    package29282 (1.0.0)
    package29283 (1.0.0)
    package29284 (1.0.0)
    package29285 (1.0.0)
    package29286 (1.0.0)
    package29287 (1.0.0)
    package29288 (1.0.0)
    package29289 (1.0.0)
    package29290 (1.0.0)
    package29291 (1.0.0)
    package29292 (1.0.0)
    package29293 (1.0.0)
    package29294 (1.0.0)
    package29295 (1.0.0)
    package29296 (1.0.0)
    package29297 (1.0.0)
    package29298 (1.0.0)
    package29299 (1.0.0)
    package29300 (1.0.0)
    package29301 (1.0.0)
    package29302 (1.0.0)
    package29303 (1.0.0)
    package29304 (1.0.0)
    package29305 (1.0.0)
    package29306 (1.0.0)
    package29307 (1.0.0)
    package29308 (1.0.0)
    package29309 (1.0.0)
    package29310 (1.0.0)
    package29311 (1.0.0)
    package29312 (1.0.0)
    package29313 (1.0.0)
    package29314 (1.0.0)
    package29315 (1.0.0)
    package29316 (1.0.0)
    package29317 (1.0.0)
    package29318 (1.0.0)
    package29319 (1.0.0)
    package29320 (1.0.0)
    package29321 (1.0.0)
    package29322 (1.0.0)
    package29323 (1.0.0)
    package29324 (1.0.0)
    package29325 (1.0.0)
    package29326 (1.0.0)
    package29327 (1.0.0)
    package29328 (1.0.0)
    package29329 (1.0.0)
    package29330 (1.0.0)
    package29331 (1.0.0)
    package29332 (1.0.0)
    package29333 (1.0.0)
    package29334 (1.0.0)
    package29335 (1.0.0)
    package29336 (1.0.0)
    package29337 (1.0.0)
    package29338 (1.0.0)
    package29339 (1.0.0)
    package29340 (1.0.0)
    package29341 (1.0.0)
    package29342 (1.0.0)
    package29343 (1.0.0)
    package29344 (1.0.0)
    package29345 (1.0.0)
    package29346 (1.0.0)
    package29347 (1.0.0)
    package29348 (1.0.0)
    package29349 (1.0.0)
    package29350 (1.0.0)
    package29351 (1.0.0)
    package29352 (1.0.0)
    package29353 (1.0.0)
    package29354 (1.0.0)
    package29355 (1.0.0)
    package29356 (1.0.0)
    package29357 (1.0.0)
    package29358 (1.0.0)
    package29359 (1.0.0)
    package29360 (1.0.0)
    package29361 (1.0.0)
    package29362 (1.0.0)
    package29363 (1.0.0)
    package29364 (1.0.0)
    package29365 (1.0.0)
    package29366 (1.0.0)
    package29367 (1.0.0)
    package29368 (1.0.0)
    package29369 (1.0.0)
    package29370 (1.0.0)
    package29371 (1.0.0)
    package29372 (1.0.0)
    package29373 (1.0.0)
    package29374 (1.0.0)
    package29375 (1.0.0)
    package29376 (1.0.0)
    package29377 (1.0.0)
    package29378 (1.0.0)
    package29379 (1.0.0)
    package29380 (1.0.0)
    package29381 (1.0.0)
    package29382 (1.0.0)
    package29383 (1.0.0)
    package29384 (1.0.0)
    package29385 (1.0.0)
    package29386 (1.0.0)
    package29387 (1.0.0)
    package29388 (1.0.0)
    package29389 (1.0.0)
    package29390 (1.0.0)
    package29391 (1.0.0)
    package29392 (1.0.0)
    package29393 (1.0.0)
    package29394 (1.0.0)
    package29395 (1.0.0)
    package29396 (1.0.0)
    package29397 (1.0.0)
    package29398 (1.0.0)
    package29399 (1.0.0)
    package29400 (1.0.0)
    package29401 (1.0.0)
    package29402 (1.0.0)
    package29403 (1.0.0)
    package29404 (1.0.0)
    package29405 (1.0.0)
    package29406 (1.0.0)
    package29407 (1.0.0)
    package29408 (1.0.0)
    package29409 (1.0.0)
    package29410 (1.0.0)
    package29411 (1.0.0)
    package29412 (1.0.0)
    package29413 (1.0.0)
    package29414 (1.0.0)
    package29415 (1.0.0)
    package29416 (1.0.0)
    package29417 (1.0.0)
    package29418 (1.0.0)
    package29419 (1.0.0)
    package29420 (1.0.0)
    package29421 (1.0.0)
    package29422 (1.0.0)
    package29423 (1.0.0)
    package29424 (1.0.0)
    package29425 (1.0.0)
    package29426 (1.0.0)
    package29427 (1.0.0)
    package29428 (1.0.0)
    package29429 (1.0.0)
    package29430 (1.0.0)
    package29431 (1.0.0)
    package29432 (1.0.0)
    package29433 (1.0.0)
    package29434 (1.0.0)
    package29435 (1.0.0)
    package29436 (1.0.0)
    package29437 (1.0.0)
    package29438 (1.0.0)
    package29439 (1.0.0)
    package29440 (1.0.0)
    package29441 (1.0.0)
    package29442 (1.0.0)
    package29443 (1.0.0)
    package29444 (1.0.0)
    package29445 (1.0.0)
    package29446 (1.0.0)
    package29447 (1.0.0)
    package29448 (1.0.0)
    package29449 (1.0.0)
    package29450 (1.0.0)
    package29451 (1.0.0)
    package29452 (1.0.0)
    package29453 (1.0.0)
    package29454 (1.0.0)
    package29455 (1.0.0)
    package29456 (1.0.0)
    package29457 (1.0.0)
    package29458 (1.0.0)
    package29459 (1.0.0)
    package29460 (1.0.0)
    package29461 (1.0.0)
    package29462 (1.0.0)
    package29463 (1.0.0)
    package29464 (1.0.0)
    package29465 (1.0.0)
    package29466 (1.0.0)
    package29467 (1.0.0)
    package29468 (1.0.0)
    package29469 (1.0.0)
    package29470 (1.0.0)
    package29471 (1.0.0)
    package29472 (1.0.0)
    package29473 (1.0.0)
    package29474 (1.0.0)
    package29475 (1.0.0)
    package29476 (1.0.0)
    package29477 (1.0.0)
    package29478 (1.0.0)
    package29479 (1.0.0)
    package29480 (1.0.0)
    package29481 (1.0.0)
    package29482 (1.0.0)
    package29483 (1.0.0)
    package29484 (1.0.0)
    package29485 (1.0.0)
    package29486 (1.0.0)
    package29487 (1.0.0)
    package29488 (1.0.0)
    package29489 (1.0.0)
    package29490 (1.0.0)
    package29491 (1.0.0)
    package29492 (1.0.0)
    package29493 (1.0.0)
    package29494 (1.0.0)
    package29495 (1.0.0)
    package29496 (1.0.0)
    package29497 (1.0.0)
    package29498 (1.0.0)
    package29499 (1.0.0)
    package29500 (1.0.0)
    package29501 (1.0.0)
    package29502 (1.0.0)
    package29503 (1.0.0)
    package29504 (1.0.0)
    package29505 (1.0.0)
    package29506 (1.0.0)
    package29507 (1.0.0)
    package29508 (1.0.0)
    package29509 (1.0.0)
    package29510 (1.0.0)
    package29511 (1.0.0)
    package29512 (1.0.0)
    package29513 (1.0.0)
    package29514 (1.0.0)
    package29515 (1.0.0)
    package29516 (1.0.0)
    package29517 (1.0.0)
    package29518 (1.0.0)
    package29519 (1.0.0)
    package29520 (1.0.0)
    package29521 (1.0.0)
    package29522 (1.0.0)
    package29523 (1.0.0)
    package29524 (1.0.0)
    package29525 (1.0.0)
    package29526 (1.0.0)
    package29527 (1.0.0)
    package29528 (1.0.0)
    package29529 (1.0.0)
    package29530 (1.0.0)
    package29531 (1.0.0)
    package29532 (1.0.0)
    package29533 (1.0.0)
    package29534 (1.0.0)
    package29535 (1.0.0)
    package29536 (1.0.0)
    package29537 (1.0.0)
    package29538 (1.0.0)
    package29539 (1.0.0)
    package29540 (1.0.0)
    package29541 (1.0.0)
    package29542 (1.0.0)
    package29543 (1.0.0)
    package29544 (1.0.0)
    package29545 (1.0.0)
    package29546 (1.0.0)
    package29547 (1.0.0)
    package29548 (1.0.0)
    package29549 (1.0.0)
    package29550 (1.0.0)
    package29551 (1.0.0)
    package29552 (1.0.0)
    package29553 (1.0.0)
    package29554 (1.0.0)
    package29555 (1.0.0)
    package29556 (1.0.0)
    package29557 (1.0.0)
    package29558 (1.0.0)
    package29559 (1.0.0)
    package29560 (1.0.0)
    package29561 (1.0.0)
    package29562 (1.0.0)
    package29563 (1.0.0)
    package29564 (1.0.0)
    package29565 (1.0.0)
    package29566 (1.0.0)
    package29567 (1.0.0)
    package29568 (1.0.0)
    package29569 (1.0.0)
    package29570 (1.0.0)
    package29571 (1.0.0)
    package29572 (1.0.0)
    package29573 (1.0.0)
    package29574 (1.0.0)
    package29575 (1.0.0)
    package29576 (1.0.0)
    package29577 (1.0.0)
    package29578 (1.0.0)
    package29579 (1.0.0)
    package29580 (1.0.0)
    package29581 (1.0.0)
    package29582 (1.0.0)
    package29583 (1.0.0)
    package29584 (1.0.0)
    package29585 (1.0.0)
    package29586 (1.0.0)
    package29587 (1.0.0)
    package29588 (1.0.0)
    package29589 (1.0.0)
    package29590 (1.0.0)
    package29591 (1.0.0)
    package29592 (1.0.0)
    package29593 (1.0.0)
    package29594 (1.0.0)
    package29595 (1.0.0)
    package29596 (1.0.0)
    package29597 (1.0.0)
    package29598 (1.0.0)
    package29599 (1.0.0)
    package29600 (1.0.0)
    package29601 (1.0.0)
    package29602 (1.0.0)
    package29603 (1.0.0)
    package29604 (1.0.0)
    package29605 (1.0.0)
    package29606 (1.0.0)
    package29607 (1.0.0)
    package29608 (1.0.0)
    package29609 (1.0.0)
    package29610 (1.0.0)
    package29611 (1.0.0)
    package29612 (1.0.0)
    package29613 (1.0.0)
    package29614 (1.0.0)
    package29615 (1.0.0)
    package29616 (1.0.0)
    package29617 (1.0.0)
    package29618 (1.0.0)
    package29619 (1.0.0)
    package29620 (1.0.0)
    package29621 (1.0.0)
    package29622 (1.0.0)
    package29623 (1.0.0)
    package29624 (1.0.0)
    package29625 (1.0.0)
    package29626 (1.0.0)
    package29627 (1.0.0)
    package29628 (1.0.0)
    package29629 (1.0.0)
    package29630 (1.0.0)
    package29631 (1.0.0)
    package29632 (1.0.0)
    package29633 (1.0.0)
    package29634 (1.0.0)
    package29635 (1.0.0)
    package29636 (1.0.0)
    package29637 (1.0.0)
    package29638 (1.0.0)
    package29639 (1.0.0)
    package29640 (1.0.0)
    package29641 (1.0.0)
    package29642 (1.0.0)
    package29643 (1.0.0)
    package29644 (1.0.0)
    package29645 (1.0.0)
    package29646 (1.0.0)
    package29647 (1.0.0)
    package29648 (1.0.0)
    package29649 (1.0.0)
    package29650 (1.0.0)
    package29651 (1.0.0)
    package29652 (1.0.0)
    package29653 (1.0.0)
    package29654 (1.0.0)
    package29655 (1.0.0)
    package29656 (1.0.0)
    package29657 (1.0.0)
    package29658 (1.0.0)
    package29659 (1.0.0)
    package29660 (1.0.0)
    package29661 (1.0.0)
    package29662 (1.0.0)
    package29663 (1.0.0)
    package29664 (1.0.0)
    package29665 (1.0.0)
    package29666 (1.0.0)
    package29667 (1.0.0)
    package29668 (1.0.0)
    package29669 (1.0.0)
    package29670 (1.0.0)
    package29671 (1.0.0)
    package29672 (1.0.0)
    package29673 (1.0.0)
    package29674 (1.0.0)
    package29675 (1.0.0)
    package29676 (1.0.0)
    package29677 (1.0.0)
    package29678 (1.0.0)
    package29679 (1.0.0)
    package29680 (1.0.0)
    package29681 (1.0.0)
    package29682 (1.0.0)
    package29683 (1.0.0)
    package29684 (1.0.0)
    package29685 (1.0.0)
    package29686 (1.0.0)
    package29687 (1.0.0)
    package29688 (1.0.0)
    package29689 (1.0.0)
    package29690 (1.0.0)
    package29691 (1.0.0)
    package29692 (1.0.0)
    package29693 (1.0.0)
    package29694 (1.0.0)
    package29695 (1.0.0)
    package29696 (1.0.0)
    package29697 (1.0.0)
    package29698 (1.0.0)
    package29699 (1.0.0)
    package29700 (1.0.0)
    package29701 (1.0.0)
    package29702 (1.0.0)
    package29703 (1.0.0)
    package29704 (1.0.0)
    package29705 (1.0.0)
    package29706 (1.0.0)
    package29707 (1.0.0)
    package29708 (1.0.0)
    package29709 (1.0.0)
    package29710 (1.0.0)
    package29711 (1.0.0)
    package29712 (1.0.0)
    package29713 (1.0.0)
    package29714 (1.0.0)
    package29715 (1.0.0)
    package29716 (1.0.0)
    package29717 (1.0.0)
    package29718 (1.0.0)
    package29719 (1.0.0)
    package29720 (1.0.0)
    package29721 (1.0.0)
    package29722 (1.0.0)
    package29723 (1.0.0)
    package29724 (1.0.0)
    package29725 (1.0.0)
    package29726 (1.0.0)
    package29727 (1.0.0)
    package29728 (1.0.0)
    package29729 (1.0.0)
    package29730 (1.0.0)
    package29731 (1.0.0)
    package29732 (1.0.0)
    package29733 (1.0.0)
    package29734 (1.0.0)
    package29735 (1.0.0)
    package29736 (1.0.0)
    package29737 (1.0.0)
    package29738 (1.0.0)
    package29739 (1.0.0)
    package29740 (1.0.0)
    package29741 (1.0.0)
    package29742 (1.0.0)
    package29743 (1.0.0)
    package29744 (1.0.0)
    package29745 (1.0.0)
    package29746 (1.0.0)
    package29747 (1.0.0)
    package29748 (1.0.0)
    package29749 (1.0.0)
    package29750 (1.0.0)
    package29751 (1.0.0)
    package29752 (1.0.0)
    package29753 (1.0.0)
    package29754 (1.0.0)
    package29755 (1.0.0)
    package29756 (1.0.0)
    package29757 (1.0.0)
    package29758 (1.0.0)
    package29759 (1.0.0)
    package29760 (1.0.0)
    package29761 (1.0.0)
    package29762 (1.0.0)
    package29763 (1.0.0)
    package29764 (1.0.0)
    package29765 (1.0.0)
    package29766 (1.0.0)
    package29767 (1.0.0)
    package29768 (1.0.0)
    package29769 (1.0.0)
    package29770 (1.0.0)
    package29771 (1.0.0)
    package29772 (1.0.0)
    package29773 (1.0.0)
    package29774 (1.0.0)
    package29775 (1.0.0)
    package29776 (1.0.0)
    package29777 (1.0.0)
    package29778 (1.0.0)
    package29779 (1.0.0)
    package29780 (1.0.0)
    package29781 (1.0.0)
    package29782 (1.0.0)
    package29783 (1.0.0)
    package29784 (1.0.0)
    package29785 (1.0.0)
    package29786 (1.0.0)
    package29787 (1.0.0)
    package29788 (1.0.0)
    package29789 (1.0.0)
    package29790 (1.0.0)
    package29791 (1.0.0)
    package29792 (1.0.0)
    package29793 (1.0.0)
    package29794 (1.0.0)
    package29795 (1.0.0)
    package29796 (1.0.0)
    package29797 (1.0.0)
    package29798 (1.0.0)
    package29799 (1.0.0)
    package29800 (1.0.0)
    package29801 (1.0.0)
    package29802 (1.0.0)
    package29803 (1.0.0)
    package29804 (1.0.0)
    package29805 (1.0.0)
    package29806 (1.0.0)
    package29807 (1.0.0)
    package29808 (1.0.0)
    package29809 (1.0.0)
    package29810 (1.0.0)
    package29811 (1.0.0)
    package29812 (1.0.0)
    package29813 (1.0.0)
    package29814 (1.0.0)
    package29815 (1.0.0)
    package29816 (1.0.0)
    package29817 (1.0.0)
    package29818 (1.0.0)
    package29819 (1.0.0)
    package29820 (1.0.0)
    package29821 (1.0.0)
    package29822 (1.0.0)
    package29823 (1.0.0)
    package29824 (1.0.0)
    package29825 (1.0.0)
    package29826 (1.0.0)
    package29827 (1.0.0)
    package29828 (1.0.0)
    package29829 (1.0.0)
    package29830 (1.0.0)
    package29831 (1.0.0)
    package29832 (1.0.0)
    package29833 (1.0.0)
    package29834 (1.0.0)
    package29835 (1.0.0)
    package29836 (1.0.0)
    package29837 (1.0.0)
    package29838 (1.0.0)
    package29839 (1.0.0)
    package29840 (1.0.0)
    package29841 (1.0.0)
    package29842 (1.0.0)
    package29843 (1.0.0)
    package29844 (1.0.0)
    package29845 (1.0.0)
    package29846 (1.0.0)
    package29847 (1.0.0)
    package29848 (1.0.0)
    package29849 (1.0.0)
    package29850 (1.0.0)
    package29851 (1.0.0)
    package29852 (1.0.0)
    package29853 (1.0.0)
    package29854 (1.0.0)
    package29855 (1.0.0)
    package29856 (1.0.0)
    package29857 (1.0.0)
    package29858 (1.0.0)
    package29859 (1.0.0)
    package29860 (1.0.0)
    package29861 (1.0.0)
    package29862 (1.0.0)
    package29863 (1.0.0)
    package29864 (1.0.0)
    package29865 (1.0.0)
    package29866 (1.0.0)
    package29867 (1.0.0)
    package29868 (1.0.0)
    package29869 (1.0.0)
    package29870 (1.0.0)
    package29871 (1.0.0)
    package29872 (1.0.0)
    package29873 (1.0.0)
    package29874 (1.0.0)
    package29875 (1.0.0)
    package29876 (1.0.0)
    package29877 (1.0.0)
    package29878 (1.0.0)
    package29879 (1.0.0)
    package29880 (1.0.0)
    package29881 (1.0.0)
    package29882 (1.0.0)
    package29883 (1.0.0)
    package29884 (1.0.0)
    package29885 (1.0.0)
    package29886 (1.0.0)
    package29887 (1.0.0)
    package29888 (1.0.0)
    package29889 (1.0.0)
    package29890 (1.0.0)
    package29891 (1.0.0)
    package29892 (1.0.0)
    package29893 (1.0.0)
    package29894 (1.0.0)
    package29895 (1.0.0)
    package29896 (1.0.0)
    package29897 (1.0.0)
    package29898 (1.0.0)
    package29899 (1.0.0)
    package29900 (1.0.0)
    package29901 (1.0.0)
    package29902 (1.0.0)
    package29903 (1.0.0)
    package29904 (1.0.0)
    package29905 (1.0.0)
    package29906 (1.0.0)
    package29907 (1.0.0)
    package29908 (1.0.0)
    package29909 (1.0.0)
    package29910 (1.0.0)
    package29911 (1.0.0)
    package29912 (1.0.0)
    package29913 (1.0.0)
    package29914 (1.0.0)
    package29915 (1.0.0)
    package29916 (1.0.0)
    package29917 (1.0.0)
    package29918 (1.0.0)
    package29919 (1.0.0)
    package29920 (1.0.0)
    package29921 (1.0.0)
    package29922 (1.0.0)
    package29923 (1.0.0)
    package29924 (1.0.0)
    package29925 (1.0.0)
    package29926 (1.0.0)
    package29927 (1.0.0)
    package29928 (1.0.0)
    package29929 (1.0.0)
    package29930 (1.0.0)
    package29931 (1.0.0)
    package29932 (1.0.0)
    package29933 (1.0.0)
    package29934 (1.0.0)
    package29935 (1.0.0)
    package29936 (1.0.0)
    package29937 (1.0.0)
    package29938 (1.0.0)
    package29939 (1.0.0)
    package29940 (1.0.0)
    package29941 (1.0.0)
    package29942 (1.0.0)
    package29943 (1.0.0)
    package29944 (1.0.0)
    package29945 (1.0.0)
    package29946 (1.0.0)
    package29947 (1.0.0)
    package29948 (1.0.0)
    package29949 (1.0.0)
    package29950 (1.0.0)
    package29951 (1.0.0)
    package29952 (1.0.0)
    package29953 (1.0.0)
    package29954 (1.0.0)
    package29955 (1.0.0)
    package29956 (1.0.0)
    package29957 (1.0.0)
    package29958 (1.0.0)
    package29959 (1.0.0)
    package29960 (1.0.0)
    package29961 (1.0.0)
    package29962 (1.0.0)
    package29963 (1.0.0)
    package29964 (1.0.0)
    package29965 (1.0.0)
    package29966 (1.0.0)
    package29967 (1.0.0)
    package29968 (1.0.0)
    package29969 (1.0.0)
    package29970 (1.0.0)
    package29971 (1.0.0)
    package29972 (1.0.0)
    package29973 (1.0.0)
    package29974 (1.0.0)
    package29975 (1.0.0)
    package29976 (1.0.0)
    package29977 (1.0.0)
    package29978 (1.0.0)
    package29979 (1.0.0)
    package29980 (1.0.0)
    package29981 (1.0.0)
    package29982 (1.0.0)
    package29983 (1.0.0)
    package29984 (1.0.0)
    package29985 (1.0.0)
    package29986 (1.0.0)
    package29987 (1.0.0)
    package29988 (1.0.0)
    package29989 (1.0.0)
    package29990 (1.0.0)
    package29991 (1.0.0)
    package29992 (1.0.0)
    package29993 (1.0.0)
    package29994 (1.0.0)
    package29995 (1.0.0)
    package29996 (1.0.0)
    package29997 (1.0.0)
    package29998 (1.0.0)
    package29999 (1.0.0)
    package30000 (1.0.0)
    package30001 (1.0.0)
    package30002 (1.0.0)
    package30003 (1.0.0)
    package30004 (1.0.0)
    package30005 (1.0.0)
    package30006 (1.0.0)
    package30007 (1.0.0)
    package30008 (1.0.0)
    package30009 (1.0.0)
    package30010 (1.0.0)
    package30011 (1.0.0)
    package30012 (1.0.0)
    package30013 (1.0.0)
    package30014 (1.0.0)
    package30015 (1.0.0)
    package30016 (1.0.0)
    package30017 (1.0.0)
    package30018 (1.0.0)
    package30019 (1.0.0)
    package30020 (1.0.0)
    package30021 (1.0.0)
    package30022 (1.0.0)
    package30023 (1.0.0)
    package30024 (1.0.0)
    package30025 (1.0.0)
    package30026 (1.0.0)
    package30027 (1.0.0)
    package30028 (1.0.0)
    package30029 (1.0.0)
    package30030 (1.0.0)
    package30031 (1.0.0)
    package30032 (1.0.0)
    package30033 (1.0.0)
    package30034 (1.0.0)
    package30035 (1.0.0)
    package30036 (1.0.0)
    package30037 (1.0.0)
    package30038 (1.0.0)
    package30039 (1.0.0)
    package30040 (1.0.0)
    package30041 (1.0.0)
    package30042 (1.0.0)
    package30043 (1.0.0)
    package30044 (1.0.0)
    package30045 (1.0.0)
    package30046 (1.0.0)
    package30047 (1.0.0)
    package30048 (1.0.0)
    package30049 (1.0.0)
    package30050 (1.0.0)
    package30051 (1.0.0)
    package30052 (1.0.0)
    package30053 (1.0.0)
    package30054 (1.0.0)
    package30055 (1.0.0)
    package30056 (1.0.0)
    package30057 (1.0.0)
    package30058 (1.0.0)
    package30059 (1.0.0)
    package30060 (1.0.0)
    package30061 (1.0.0)
    package30062 (1.0.0)
    package30063 (1.0.0)
    package30064 (1.0.0)
    package30065 (1.0.0)
    package30066 (1.0.0)
    package30067 (1.0.0)
    package30068 (1.0.0)
    package30069 (1.0.0)
    package30070 (1.0.0)
    package30071 (1.0.0)
    package30072 (1.0.0)
    package30073 (1.0.0)
    package30074 (1.0.0)
    package30075 (1.0.0)
    package30076 (1.0.0)
    package30077 (1.0.0)
    package30078 (1.0.0)
    package30079 (1.0.0)
    package30080 (1.0.0)
    package30081 (1.0.0)
    package30082 (1.0.0)
    package30083 (1.0.0)
    package30084 (1.0.0)
    package30085 (1.0.0)
    package30086 (1.0.0)
    package30087 (1.0.0)
    package30088 (1.0.0)
    package30089 (1.0.0)
    package30090 (1.0.0)
    package30091 (1.0.0)
    package30092 (1.0.0)
    package30093 (1.0.0)
    package30094 (1.0.0)
    package30095 (1.0.0)
    package30096 (1.0.0)
    package30097 (1.0.0)
    package30098 (1.0.0)
    package30099 (1.0.0)
    package30100 (1.0.0)
    package30101 (1.0.0)
    package30102 (1.0.0)
    package30103 (1.0.0)
    package30104 (1.0.0)
    package30105 (1.0.0)
    package30106 (1.0.0)
    package30107 (1.0.0)
    package30108 (1.0.0)
    package30109 (1.0.0)
    package30110 (1.0.0)
    package30111 (1.0.0)
    package30112 (1.0.0)
    package30113 (1.0.0)
    package30114 (1.0.0)
    package30115 (1.0.0)
    package30116 (1.0.0)
    package30117 (1.0.0)
    package30118 (1.0.0)
    package30119 (1.0.0)
    package30120 (1.0.0)
    package30121 (1.0.0)
    package30122 (1.0.0)
    package30123 (1.0.0)
    package30124 (1.0.0)
    package30125 (1.0.0)
    package30126 (1.0.0)
    package30127 (1.0.0)
    package30128 (1.0.0)
    package30129 (1.0.0)
    package30130 (1.0.0)
    package30131 (1.0.0)
    package30132 (1.0.0)
    package30133 (1.0.0)
    package30134 (1.0.0)
    package30135 (1.0.0)
    package30136 (1.0.0)
    package30137 (1.0.0)
    package30138 (1.0.0)
    package30139 (1.0.0)
    package30140 (1.0.0)
    package30141 (1.0.0)
    package30142 (1.0.0)
    package30143 (1.0.0)
    package30144 (1.0.0)
    package30145 (1.0.0)
    package30146 (1.0.0)
    package30147 (1.0.0)
    package30148 (1.0.0)
    package30149 (1.0.0)
    package30150 (1.0.0)
    package30151 (1.0.0)
    package30152 (1.0.0)
    package30153 (1.0.0)
    package30154 (1.0.0)
    package30155 (1.0.0)
    package30156 (1.0.0)
    package30157 (1.0.0)
    package30158 (1.0.0)
    package30159 (1.0.0)
    package30160 (1.0.0)
    package30161 (1.0.0)
    package30162 (1.0.0)
    package30163 (1.0.0)
    package30164 (1.0.0)
    package30165 (1.0.0)
    package30166 (1.0.0)
    package30167 (1.0.0)
    package30168 (1.0.0)
    package30169 (1.0.0)
    package30170 (1.0.0)
    package30171 (1.0.0)
    package30172 (1.0.0)
    package30173 (1.0.0)
    package30174 (1.0.0)
    package30175 (1.0.0)
    package30176 (1.0.0)
    package30177 (1.0.0)
    package30178 (1.0.0)
    package30179 (1.0.0)
    package30180 (1.0.0)
    package30181 (1.0.0)
    package30182 (1.0.0)
    package30183 (1.0.0)
    package30184 (1.0.0)
    package30185 (1.0.0)
    package30186 (1.0.0)
    package30187 (1.0.0)
    package30188 (1.0.0)
    package30189 (1.0.0)
    package30190 (1.0.0)
    package30191 (1.0.0)
    package30192 (1.0.0)
    package30193 (1.0.0)
    package30194 (1.0.0)
    package30195 (1.0.0)
    package30196 (1.0.0)
    package30197 (1.0.0)
    package30198 (1.0.0)
    package30199 (1.0.0)
    package30200 (1.0.0)
    package30201 (1.0.0)
    package30202 (1.0.0)
    package30203 (1.0.0)
    package30204 (1.0.0)
    package30205 (1.0.0)
    package30206 (1.0.0)
    package30207 (1.0.0)
    package30208 (1.0.0)
    package30209 (1.0.0)
    package30210 (1.0.0)
    package30211 (1.0.0)
    package30212 (1.0.0)
    package30213 (1.0.0)
    package30214 (1.0.0)
    package30215 (1.0.0)
    package30216 (1.0.0)
    package30217 (1.0.0)
    package30218 (1.0.0)
    package30219 (1.0.0)
    package30220 (1.0.0)
    package30221 (1.0.0)
    package30222 (1.0.0)
    package30223 (1.0.0)
    package30224 (1.0.0)
    package30225 (1.0.0)
    package30226 (1.0.0)
    package30227 (1.0.0)
    package30228 (1.0.0)
    package30229 (1.0.0)
    package30230 (1.0.0)
    package30231 (1.0.0)
    package30232 (1.0.0)
    package30233 (1.0.0)
    package30234 (1.0.0)
    package30235 (1.0.0)
    package30236 (1.0.0)
    package30237 (1.0.0)
    package30238 (1.0.0)
    package30239 (1.0.0)
    package30240 (1.0.0)
    package30241 (1.0.0)
    package30242 (1.0.0)
    package30243 (1.0.0)
    package30244 (1.0.0)
    package30245 (1.0.0)
    package30246 (1.0.0)
    package30247 (1.0.0)
    package30248 (1.0.0)
    package30249 (1.0.0)
    package30250 (1.0.0)
    package30251 (1.0.0)
    package30252 (1.0.0)
    package30253 (1.0.0)
    package30254 (1.0.0)
    package30255 (1.0.0)
    package30256 (1.0.0)
    package30257 (1.0.0)
    package30258 (1.0.0)
    package30259 (1.0.0)
    package30260 (1.0.0)
    package30261 (1.0.0)
    package30262 (1.0.0)
    package30263 (1.0.0)
    package30264 (1.0.0)
    package30265 (1.0.0)
    package30266 (1.0.0)
    package30267 (1.0.0)
    package30268 (1.0.0)
    package30269 (1.0.0)
    package30270 (1.0.0)
    package30271 (1.0.0)
    package30272 (1.0.0)
    package30273 (1.0.0)
    package30274 (1.0.0)
    package30275 (1.0.0)
    package30276 (1.0.0)
    package30277 (1.0.0)
    package30278 (1.0.0)
    package30279 (1.0.0)
    package30280 (1.0.0)
    package30281 (1.0.0)
    package30282 (1.0.0)
    package30283 (1.0.0)
    package30284 (1.0.0)
    package30285 (1.0.0)
    package30286 (1.0.0)
    package30287 (1.0.0)
    package30288 (1.0.0)
    package30289 (1.0.0)
    package30290 (1.0.0)
    package30291 (1.0.0)
    package30292 (1.0.0)
    package30293 (1.0.0)
    package30294 (1.0.0)
    package30295 (1.0.0)
    package30296 (1.0.0)
    package30297 (1.0.0)
    package30298 (1.0.0)
    package30299 (1.0.0)
    package30300 (1.0.0)
    package30301 (1.0.0)
    package30302 (1.0.0)
    package30303 (1.0.0)
    package30304 (1.0.0)
    package30305 (1.0.0)
    package30306 (1.0.0)
    package30307 (1.0.0)
    package30308 (1.0.0)
    package30309 (1.0.0)
    package30310 (1.0.0)
    package30311 (1.0.0)
    package30312 (1.0.0)
    package30313 (1.0.0)
    package30314 (1.0.0)
    package30315 (1.0.0)
    package30316 (1.0.0)
    package30317 (1.0.0)
    package30318 (1.0.0)
    package30319 (1.0.0)
    package30320 (1.0.0)
    package30321 (1.0.0)
    package30322 (1.0.0)
    package30323 (1.0.0)
    package30324 (1.0.0)
    package30325 (1.0.0)
    package30326 (1.0.0)
    package30327 (1.0.0)
    package30328 (1.0.0)
    package30329 (1.0.0)
    package30330 (1.0.0)
    package30331 (1.0.0)
    package30332 (1.0.0)
    package30333 (1.0.0)
    package30334 (1.0.0)
    package30335 (1.0.0)
    package30336 (1.0.0)
    package30337 (1.0.0)
    package30338 (1.0.0)
    package30339 (1.0.0)
    package30340 (1.0.0)
    package30341 (1.0.0)
    package30342 (1.0.0)
    package30343 (1.0.0)
    package30344 (1.0.0)
    package30345 (1.0.0)
    package30346 (1.0.0)
    package30347 (1.0.0)
    package30348 (1.0.0)
    package30349 (1.0.0)
    package30350 (1.0.0)
    package30351 (1.0.0)
    package30352 (1.0.0)
    package30353 (1.0.0)
    package30354 (1.0.0)
    package30355 (1.0.0)
    package30356 (1.0.0)
    package30357 (1.0.0)
    package30358 (1.0.0)
    package30359 (1.0.0)
    package30360 (1.0.0)
    package30361 (1.0.0)
    package30362 (1.0.0)
    package30363 (1.0.0)
    package30364 (1.0.0)
    package30365 (1.0.0)
    package30366 (1.0.0)
    package30367 (1.0.0)
    package30368 (1.0.0)
    package30369 (1.0.0)
    package30370 (1.0.0)
    package30371 (1.0.0)
    package30372 (1.0.0)
    package30373 (1.0.0)
    package30374 (1.0.0)
    package30375 (1.0.0)
    package30376 (1.0.0)
    package30377 (1.0.0)
    package30378 (1.0.0)
    package30379 (1.0.0)
    package30380 (1.0.0)
    package30381 (1.0.0)
    package30382 (1.0.0)
    package30383 (1.0.0)
    package30384 (1.0.0)
    package30385 (1.0.0)
    package30386 (1.0.0)
    package30387 (1.0.0)
    package30388 (1.0.0)
    package30389 (1.0.0)
    package30390 (1.0.0)
    package30391 (1.0.0)
    package30392 (1.0.0)
    package30393 (1.0.0)
    package30394 (1.0.0)
    package30395 (1.0.0)
    package30396 (1.0.0)
    package30397 (1.0.0)
    package30398 (1.0.0)
    package30399 (1.0.0)
    package30400 (1.0.0)
    package30401 (1.0.0)
    package30402 (1.0.0)
    package30403 (1.0.0)
    package30404 (1.0.0)
    package30405 (1.0.0)
    package30406 (1.0.0)
    package30407 (1.0.0)
    package30408 (1.0.0)
    package30409 (1.0.0)
    package30410 (1.0.0)
    package30411 (1.0.0)
    package30412 (1.0.0)
    package30413 (1.0.0)
    package30414 (1.0.0)
    package30415 (1.0.0)
    package30416 (1.0.0)
    package30417 (1.0.0)
    package30418 (1.0.0)
    package30419 (1.0.0)
    package30420 (1.0.0)
    package30421 (1.0.0)
    package30422 (1.0.0)
    package30423 (1.0.0)
    package30424 (1.0.0)
    package30425 (1.0.0)
    package30426 (1.0.0)
    package30427 (1.0.0)
    package30428 (1.0.0)
    package30429 (1.0.0)
    package30430 (1.0.0)
    package30431 (1.0.0)
    package30432 (1.0.0)
    package30433 (1.0.0)
    package30434 (1.0.0)
    package30435 (1.0.0)
    package30436 (1.0.0)
    package30437 (1.0.0)
    package30438 (1.0.0)
    package30439 (1.0.0)
    package30440 (1.0.0)
    package30441 (1.0.0)
    package30442 (1.0.0)
    package30443 (1.0.0)
    package30444 (1.0.0)
    package30445 (1.0.0)
    package30446 (1.0.0)
    package30447 (1.0.0)
    package30448 (1.0.0)
    package30449 (1.0.0)
    package30450 (1.0.0)
    package30451 (1.0.0)
    package30452 (1.0.0)
    package30453 (1.0.0)
    package30454 (1.0.0)
    package30455 (1.0.0)
    package30456 (1.0.0)
    package30457 (1.0.0)
    package30458 (1.0.0)
    package30459 (1.0.0)
    package30460 (1.0.0)
    package30461 (1.0.0)
    package30462 (1.0.0)
    package30463 (1.0.0)
    package30464 (1.0.0)
    package30465 (1.0.0)
    package30466 (1.0.0)
    package30467 (1.0.0)
    package30468 (1.0.0)
    package30469 (1.0.0)
    package30470 (1.0.0)
    package30471 (1.0.0)
    package30472 (1.0.0)
    package30473 (1.0.0)
    package30474 (1.0.0)
    package30475 (1.0.0)
    package30476 (1.0.0)
    package30477 (1.0.0)
    package30478 (1.0.0)
    package30479 (1.0.0)
    package30480 (1.0.0)
    package30481 (1.0.0)
    package30482 (1.0.0)
    package30483 (1.0.0)
    package30484 (1.0.0)
    package30485 (1.0.0)
    package30486 (1.0.0)
    package30487 (1.0.0)
    package30488 (1.0.0)
    package30489 (1.0.0)
    package30490 (1.0.0)
    package30491 (1.0.0)
    package30492 (1.0.0)
    package30493 (1.0.0)
    package30494 (1.0.0)
    package30495 (1.0.0)
    package30496 (1.0.0)
    package30497 (1.0.0)
    package30498 (1.0.0)
    package30499 (1.0.0)
    package30500 (1.0.0)
    package30501 (1.0.0)
    package30502 (1.0.0)
    package30503 (1.0.0)
    package30504 (1.0.0)
    package30505 (1.0.0)
    package30506 (1.0.0)
    package30507 (1.0.0)
    package30508 (1.0.0)
    package30509 (1.0.0)
    package30510 (1.0.0)
    package30511 (1.0.0)
    package30512 (1.0.0)
    package30513 (1.0.0)
    package30514 (1.0.0)
    package30515 (1.0.0)
    package30516 (1.0.0)
    package30517 (1.0.0)
    package30518 (1.0.0)
    package30519 (1.0.0)
    package30520 (1.0.0)
    package30521 (1.0.0)
    package30522 (1.0.0)
    package30523 (1.0.0)
    package30524 (1.0.0)
    package30525 (1.0.0)
    package30526 (1.0.0)
    package30527 (1.0.0)
    package30528 (1.0.0)
    package30529 (1.0.0)
    package30530 (1.0.0)
    package30531 (1.0.0)
    package30532 (1.0.0)
    package30533 (1.0.0)
    package30534 (1.0.0)
    package30535 (1.0.0)
    package30536 (1.0.0)
    package30537 (1.0.0)
    package30538 (1.0.0)
    package30539 (1.0.0)
    package30540 (1.0.0)
    package30541 (1.0.0)
    package30542 (1.0.0)
    package30543 (1.0.0)
    package30544 (1.0.0)
    package30545 (1.0.0)
    package30546 (1.0.0)
    package30547 (1.0.0)
    package30548 (1.0.0)
    package30549 (1.0.0)
    package30550 (1.0.0)
    package30551 (1.0.0)
    package30552 (1.0.0)
    package30553 (1.0.0)
    package30554 (1.0.0)
    package30555 (1.0.0)
    package30556 (1.0.0)
    package30557 (1.0.0)
    package30558 (1.0.0)
    package30559 (1.0.0)
    package30560 (1.0.0)
    package30561 (1.0.0)
    package30562 (1.0.0)
    package30563 (1.0.0)
    package30564 (1.0.0)
    package30565 (1.0.0)
    package30566 (1.0.0)
    package30567 (1.0.0)
    package30568 (1.0.0)
    package30569 (1.0.0)
    package30570 (1.0.0)
    package30571 (1.0.0)
    package30572 (1.0.0)
    package30573 (1.0.0)
    package30574 (1.0.0)
    package30575 (1.0.0)
    package30576 (1.0.0)
    package30577 (1.0.0)
    package30578 (1.0.0)
    package30579 (1.0.0)
    package30580 (1.0.0)
    package30581 (1.0.0)
    package30582 (1.0.0)
    package30583 (1.0.0)
    package30584 (1.0.0)
    package30585 (1.0.0)
    package30586 (1.0.0)
    package30587 (1.0.0)
    package30588 (1.0.0)
    package30589 (1.0.0)
    package30590 (1.0.0)
    package30591 (1.0.0)
    package30592 (1.0.0)
    package30593 (1.0.0)
    package30594 (1.0.0)
    package30595 (1.0.0)
    package30596 (1.0.0)
    package30597 (1.0.0)
    package30598 (1.0.0)
    package30599 (1.0.0)
    package30600 (1.0.0)
    package30601 (1.0.0)
    package30602 (1.0.0)
    package30603 (1.0.0)
    package30604 (1.0.0)
    package30605 (1.0.0)
    package30606 (1.0.0)
    package30607 (1.0.0)
    package30608 (1.0.0)
    package30609 (1.0.0)
    package30610 (1.0.0)
    package30611 (1.0.0)
    package30612 (1.0.0)
    package30613 (1.0.0)
    package30614 (1.0.0)
    package30615 (1.0.0)
    package30616 (1.0.0)
    package30617 (1.0.0)
    package30618 (1.0.0)
    package30619 (1.0.0)
    package30620 (1.0.0)
    package30621 (1.0.0)
    package30622 (1.0.0)
    package30623 (1.0.0)
    package30624 (1.0.0)
    package30625 (1.0.0)
    package30626 (1.0.0)
    package30627 (1.0.0)
    package30628 (1.0.0)
    package30629 (1.0.0)
    package30630 (1.0.0)
    package30631 (1.0.0)
    package30632 (1.0.0)
    package30633 (1.0.0)
    package30634 (1.0.0)
    package30635 (1.0.0)
    package30636 (1.0.0)
    package30637 (1.0.0)
    package30638 (1.0.0)
    package30639 (1.0.0)
    package30640 (1.0.0)
    package30641 (1.0.0)
    package30642 (1.0.0)
    package30643 (1.0.0)
    package30644 (1.0.0)
    package30645 (1.0.0)
    package30646 (1.0.0)
    package30647 (1.0.0)
    package30648 (1.0.0)
    package30649 (1.0.0)
    package30650 (1.0.0)
    package30651 (1.0.0)
    package30652 (1.0.0)
    package30653 (1.0.0)
    package30654 (1.0.0)
    package30655 (1.0.0)
    package30656 (1.0.0)
    package30657 (1.0.0)
    package30658 (1.0.0)
    package30659 (1.0.0)
    package30660 (1.0.0)
    package30661 (1.0.0)
    package30662 (1.0.0)
    package30663 (1.0.0)
    package30664 (1.0.0)
    package30665 (1.0.0)
    package30666 (1.0.0)
    package30667 (1.0.0)
    package30668 (1.0.0)
    package30669 (1.0.0)
    package30670 (1.0.0)
    package30671 (1.0.0)
    package30672 (1.0.0)
    package30673 (1.0.0)
    package30674 (1.0.0)
    package30675 (1.0.0)
    package30676 (1.0.0)
    package30677 (1.0.0)
    package30678 (1.0.0)
    package30679 (1.0.0)
    package30680 (1.0.0)
    package30681 (1.0.0)
    package30682 (1.0.0)
    package30683 (1.0.0)
    package30684 (1.0.0)
    package30685 (1.0.0)
    package30686 (1.0.0)
    package30687 (1.0.0)
    package30688 (1.0.0)
    package30689 (1.0.0)
    package30690 (1.0.0)
    package30691 (1.0.0)
    package30692 (1.0.0)
    package30693 (1.0.0)
    package30694 (1.0.0)
    package30695 (1.0.0)
    package30696 (1.0.0)
    package30697 (1.0.0)
    package30698 (1.0.0)
    package30699 (1.0.0)
    package30700 (1.0.0)
    package30701 (1.0.0)
    package30702 (1.0.0)
    package30703 (1.0.0)
    package30704 (1.0.0)
    package30705 (1.0.0)
    package30706 (1.0.0)
    package30707 (1.0.0)
    package30708 (1.0.0)
    package30709 (1.0.0)
    package30710 (1.0.0)
    package30711 (1.0.0)
    package30712 (1.0.0)
    package30713 (1.0.0)
    package30714 (1.0.0)
    package30715 (1.0.0)
    package30716 (1.0.0)
    package30717 (1.0.0)
    package30718 (1.0.0)
    package30719 (1.0.0)
    package30720 (1.0.0)
    package30721 (1.0.0)
    package30722 (1.0.0)
    package30723 (1.0.0)
    package30724 (1.0.0)
    package30725 (1.0.0)
    package30726 (1.0.0)
    package30727 (1.0.0)
    package30728 (1.0.0)
    package30729 (1.0.0)
    package30730 (1.0.0)
    package30731 (1.0.0)
    package30732 (1.0.0)
    package30733 (1.0.0)
    package30734 (1.0.0)
    package30735 (1.0.0)
    package30736 (1.0.0)
    package30737 (1.0.0)
    package30738 (1.0.0)
    package30739 (1.0.0)
    package30740 (1.0.0)
    package30741 (1.0.0)
    package30742 (1.0.0)
    package30743 (1.0.0)
    package30744 (1.0.0)
    package30745 (1.0.0)
    package30746 (1.0.0)
    package30747 (1.0.0)
    package30748 (1.0.0)
    package30749 (1.0.0)
    package30750 (1.0.0)
    package30751 (1.0.0)
    package30752 (1.0.0)
    package30753 (1.0.0)
    package30754 (1.0.0)
    package30755 (1.0.0)
    package30756 (1.0.0)
    package30757 (1.0.0)
    package30758 (1.0.0)
    package30759 (1.0.0)
    package30760 (1.0.0)
    package30761 (1.0.0)
    package30762 (1.0.0)
    package30763 (1.0.0)
    package30764 (1.0.0)
    package30765 (1.0.0)
    package30766 (1.0.0)
    package30767 (1.0.0)
    package30768 (1.0.0)
    package30769 (1.0.0)
    package30770 (1.0.0)
    package30771 (1.0.0)
    package30772 (1.0.0)
    package30773 (1.0.0)
    package30774 (1.0.0)
    package30775 (1.0.0)
    package30776 (1.0.0)
    package30777 (1.0.0)
    package30778 (1.0.0)
    package30779 (1.0.0)
    package30780 (1.0.0)
    package30781 (1.0.0)
    package30782 (1.0.0)
    package30783 (1.0.0)
    package30784 (1.0.0)
    package30785 (1.0.0)
    package30786 (1.0.0)
    package30787 (1.0.0)
    package30788 (1.0.0)
    package30789 (1.0.0)
    package30790 (1.0.0)
    package30791 (1.0.0)
    package30792 (1.0.0)
    package30793 (1.0.0)
    package30794 (1.0.0)
    package30795 (1.0.0)
    package30796 (1.0.0)
    package30797 (1.0.0)
    package30798 (1.0.0)
    package30799 (1.0.0)
    package30800 (1.0.0)
    package30801 (1.0.0)
    package30802 (1.0.0)
    package30803 (1.0.0)
    package30804 (1.0.0)
    package30805 (1.0.0)
    package30806 (1.0.0)
    package30807 (1.0.0)
    package30808 (1.0.0)
    package30809 (1.0.0)
    package30810 (1.0.0)
    package30811 (1.0.0)
    package30812 (1.0.0)
    package30813 (1.0.0)
    package30814 (1.0.0)
    package30815 (1.0.0)
    package30816 (1.0.0)
    package30817 (1.0.0)
    package30818 (1.0.0)
    package30819 (1.0.0)
    package30820 (1.0.0)
    package30821 (1.0.0)
    package30822 (1.0.0)
    package30823 (1.0.0)
    package30824 (1.0.0)
    package30825 (1.0.0)
    package30826 (1.0.0)
    package30827 (1.0.0)
    package30828 (1.0.0)
    package30829 (1.0.0)
    package30830 (1.0.0)
    package30831 (1.0.0)
    package30832 (1.0.0)
    package30833 (1.0.0)
    package30834 (1.0.0)
    package30835 (1.0.0)
    package30836 (1.0.0)
    package30837 (1.0.0)
    package30838 (1.0.0)
    package30839 (1.0.0)
    package30840 (1.0.0)
    package30841 (1.0.0)
    package30842 (1.0.0)
    package30843 (1.0.0)
    package30844 (1.0.0)
    package30845 (1.0.0)
    package30846 (1.0.0)
    package30847 (1.0.0)
    package30848 (1.0.0)
    package30849 (1.0.0)
    package30850 (1.0.0)
    package30851 (1.0.0)
    package30852 (1.0.0)
    package30853 (1.0.0)
    package30854 (1.0.0)
    package30855 (1.0.0)
    package30856 (1.0.0)
    package30857 (1.0.0)
    package30858 (1.0.0)
    package30859 (1.0.0)
    package30860 (1.0.0)
    package30861 (1.0.0)
    package30862 (1.0.0)
    package30863 (1.0.0)
    package30864 (1.0.0)
    package30865 (1.0.0)
    package30866 (1.0.0)
    package30867 (1.0.0)
    package30868 (1.0.0)
    package30869 (1.0.0)
    package30870 (1.0.0)
    package30871 (1.0.0)
    package30872 (1.0.0)
    package30873 (1.0.0)
    package30874 (1.0.0)
    package30875 (1.0.0)
    package30876 (1.0.0)
    package30877 (1.0.0)
    package30878 (1.0.0)
    package30879 (1.0.0)
    package30880 (1.0.0)
    package30881 (1.0.0)
    package30882 (1.0.0)
    package30883 (1.0.0)
    package30884 (1.0.0)
    package30885 (1.0.0)
    package30886 (1.0.0)
    package30887 (1.0.0)
    package30888 (1.0.0)
    package30889 (1.0.0)
    package30890 (1.0.0)
    package30891 (1.0.0)
    package30892 (1.0.0)
    package30893 (1.0.0)
    package30894 (1.0.0)
    package30895 (1.0.0)
    package30896 (1.0.0)
    package30897 (1.0.0)
    package30898 (1.0.0)
    package30899 (1.0.0)
    package30900 (1.0.0)
    package30901 (1.0.0)
    package30902 (1.0.0)
    package30903 (1.0.0)
    package30904 (1.0.0)
    package30905 (1.0.0)
    package30906 (1.0.0)
    package30907 (1.0.0)
    package30908 (1.0.0)
    package30909 (1.0.0)
    package30910 (1.0.0)
    package30911 (1.0.0)
    package30912 (1.0.0)
    package30913 (1.0.0)
    package30914 (1.0.0)
    package30915 (1.0.0)
    package30916 (1.0.0)
    package30917 (1.0.0)
    package30918 (1.0.0)
    package30919 (1.0.0)
    package30920 (1.0.0)
    package30921 (1.0.0)
    package30922 (1.0.0)
    package30923 (1.0.0)
    package30924 (1.0.0)
    package30925 (1.0.0)
    package30926 (1.0.0)
    package30927 (1.0.0)
    package30928 (1.0.0)
    package30929 (1.0.0)
    package30930 (1.0.0)
    package30931 (1.0.0)
    package30932 (1.0.0)
    package30933 (1.0.0)
    package30934 (1.0.0)
    package30935 (1.0.0)
    package30936 (1.0.0)
    package30937 (1.0.0)
    package30938 (1.0.0)
    package30939 (1.0.0)
    package30940 (1.0.0)
    package30941 (1.0.0)
    package30942 (1.0.0)
    package30943 (1.0.0)
    package30944 (1.0.0)
    package30945 (1.0.0)
    package30946 (1.0.0)
    package30947 (1.0.0)
    package30948 (1.0.0)
    package30949 (1.0.0)
    package30950 (1.0.0)
    package30951 (1.0.0)
    package30952 (1.0.0)
    package30953 (1.0.0)
    package30954 (1.0.0)
    package30955 (1.0.0)
    package30956 (1.0.0)
    package30957 (1.0.0)
    package30958 (1.0.0)
    package30959 (1.0.0)
    package30960 (1.0.0)
    package30961 (1.0.0)
    package30962 (1.0.0)
    package30963 (1.0.0)
    package30964 (1.0.0)
    package30965 (1.0.0)
    package30966 (1.0.0)
    package30967 (1.0.0)
    package30968 (1.0.0)
    package30969 (1.0.0)
    package30970 (1.0.0)
    package30971 (1.0.0)
    package30972 (1.0.0)
    package30973 (1.0.0)
    package30974 (1.0.0)
    package30975 (1.0.0)
    package30976 (1.0.0)
    package30977 (1.0.0)
    package30978 (1.0.0)
    package30979 (1.0.0)
    package30980 (1.0.0)
    package30981 (1.0.0)
    package30982 (1.0.0)
    package30983 (1.0.0)
    package30984 (1.0.0)
    package30985 (1.0.0)
    package30986 (1.0.0)
    package30987 (1.0.0)
    package30988 (1.0.0)
    package30989 (1.0.0)
    package30990 (1.0.0)
    package30991 (1.0.0)
    package30992 (1.0.0)
    package30993 (1.0.0)
    package30994 (1.0.0)
    package30995 (1.0.0)
    package30996 (1.0.0)
    package30997 (1.0.0)
    package30998 (1.0.0)
    package30999 (1.0.0)
    package31000 (1.0.0)
    package31001 (1.0.0)
    package31002 (1.0.0)
    package31003 (1.0.0)
    package31004 (1.0.0)
    package31005 (1.0.0)
    package31006 (1.0.0)
    package31007 (1.0.0)
    package31008 (1.0.0)
    package31009 (1.0.0)
    package31010 (1.0.0)
    package31011 (1.0.0)
    package31012 (1.0.0)
    package31013 (1.0.0)
    package31014 (1.0.0)
    package31015 (1.0.0)
    package31016 (1.0.0)
    package31017 (1.0.0)
    package31018 (1.0.0)
    package31019 (1.0.0)
    package31020 (1.0.0)
    package31021 (1.0.0)
    package31022 (1.0.0)
    package31023 (1.0.0)
    package31024 (1.0.0)
    package31025 (1.0.0)
    package31026 (1.0.0)
    package31027 (1.0.0)
    package31028 (1.0.0)
    package31029 (1.0.0)
    package31030 (1.0.0)
    package31031 (1.0.0)
    package31032 (1.0.0)
    package31033 (1.0.0)
    package31034 (1.0.0)
    package31035 (1.0.0)
    package31036 (1.0.0)
    package31037 (1.0.0)
    package31038 (1.0.0)
    package31039 (1.0.0)
    package31040 (1.0.0)
    package31041 (1.0.0)
    package31042 (1.0.0)
    package31043 (1.0.0)
    package31044 (1.0.0)
    package31045 (1.0.0)
    package31046 (1.0.0)
    package31047 (1.0.0)
    package31048 (1.0.0)
    package31049 (1.0.0)
    package31050 (1.0.0)
    package31051 (1.0.0)
    package31052 (1.0.0)
    package31053 (1.0.0)
    package31054 (1.0.0)
    package31055 (1.0.0)
    package31056 (1.0.0)
    package31057 (1.0.0)
    package31058 (1.0.0)
    package31059 (1.0.0)
    package31060 (1.0.0)
    package31061 (1.0.0)
    package31062 (1.0.0)
    package31063 (1.0.0)
    package31064 (1.0.0)
    package31065 (1.0.0)
    package31066 (1.0.0)
    package31067 (1.0.0)
    package31068 (1.0.0)
    package31069 (1.0.0)
    package31070 (1.0.0)
    package31071 (1.0.0)
    package31072 (1.0.0)
    package31073 (1.0.0)
    package31074 (1.0.0)
    package31075 (1.0.0)
    package31076 (1.0.0)
    package31077 (1.0.0)
    package31078 (1.0.0)
    package31079 (1.0.0)
    package31080 (1.0.0)
    package31081 (1.0.0)
    package31082 (1.0.0)
    package31083 (1.0.0)
    package31084 (1.0.0)
    package31085 (1.0.0)
    package31086 (1.0.0)
    package31087 (1.0.0)
    package31088 (1.0.0)
    package31089 (1.0.0)
    package31090 (1.0.0)
    package31091 (1.0.0)
    package31092 (1.0.0)
    package31093 (1.0.0)
    package31094 (1.0.0)
    package31095 (1.0.0)
    package31096 (1.0.0)
    package31097 (1.0.0)
    package31098 (1.0.0)
    package31099 (1.0.0)
    package31100 (1.0.0)
    package31101 (1.0.0)
    package31102 (1.0.0)
    package31103 (1.0.0)
    package31104 (1.0.0)
    package31105 (1.0.0)
    package31106 (1.0.0)
    package31107 (1.0.0)
    package31108 (1.0.0)
    package31109 (1.0.0)
    package31110 (1.0.0)
    package31111 (1.0.0)
    package31112 (1.0.0)
    package31113 (1.0.0)
    package31114 (1.0.0)
    package31115 (1.0.0)
    package31116 (1.0.0)
    package31117 (1.0.0)
    package31118 (1.0.0)
    package31119 (1.0.0)
    package31120 (1.0.0)
    package31121 (1.0.0)
    package31122 (1.0.0)
    package31123 (1.0.0)
    package31124 (1.0.0)
    package31125 (1.0.0)
    package31126 (1.0.0)
    package31127 (1.0.0)
    package31128 (1.0.0)
    package31129 (1.0.0)
    package31130 (1.0.0)
    package31131 (1.0.0)
    package31132 (1.0.0)
    package31133 (1.0.0)
    package31134 (1.0.0)
    package31135 (1.0.0)
    package31136 (1.0.0)
    package31137 (1.0.0)
    package31138 (1.0.0)
    package31139 (1.0.0)
    package31140 (1.0.0)
    package31141 (1.0.0)
    package31142 (1.0.0)
    package31143 (1.0.0)
    package31144 (1.0.0)
    package31145 (1.0.0)
    package31146 (1.0.0)
    package31147 (1.0.0)
    package31148 (1.0.0)
    package31149 (1.0.0)
    package31150 (1.0.0)
    package31151 (1.0.0)
    package31152 (1.0.0)
    package31153 (1.0.0)
    package31154 (1.0.0)
    package31155 (1.0.0)
    package31156 (1.0.0)
    package31157 (1.0.0)
    package31158 (1.0.0)
    package31159 (1.0.0)
    package31160 (1.0.0)
    package31161 (1.0.0)
    package31162 (1.0.0)
    package31163 (1.0.0)
    package31164 (1.0.0)
    package31165 (1.0.0)
    package31166 (1.0.0)
    package31167 (1.0.0)
    package31168 (1.0.0)
    package31169 (1.0.0)
    package31170 (1.0.0)
    package31171 (1.0.0)
    package31172 (1.0.0)
    package31173 (1.0.0)
    package31174 (1.0.0)
    package31175 (1.0.0)
    package31176 (1.0.0)
    package31177 (1.0.0)
    package31178 (1.0.0)
    package31179 (1.0.0)
    package31180 (1.0.0)
    package31181 (1.0.0)
    package31182 (1.0.0)
    package31183 (1.0.0)
    package31184 (1.0.0)
    package31185 (1.0.0)
    package31186 (1.0.0)
    package31187 (1.0.0)
    package31188 (1.0.0)
    package31189 (1.0.0)
    package31190 (1.0.0)
    package31191 (1.0.0)
    package31192 (1.0.0)
    package31193 (1.0.0)
    package31194 (1.0.0)
    package31195 (1.0.0)
    package31196 (1.0.0)
    package31197 (1.0.0)
    package31198 (1.0.0)
    package31199 (1.0.0)
    package31200 (1.0.0)
    package31201 (1.0.0)
    package31202 (1.0.0)
    package31203 (1.0.0)
    package31204 (1.0.0)
    package31205 (1.0.0)
    package31206 (1.0.0)
    package31207 (1.0.0)
    package31208 (1.0.0)
    package31209 (1.0.0)
    package31210 (1.0.0)
    package31211 (1.0.0)
    package31212 (1.0.0)
    package31213 (1.0.0)
    package31214 (1.0.0)
    package31215 (1.0.0)
    package31216 (1.0.0)
    package31217 (1.0.0)
    package31218 (1.0.0)
    package31219 (1.0.0)
    package31220 (1.0.0)
    package31221 (1.0.0)
    package31222 (1.0.0)
    package31223 (1.0.0)
    package31224 (1.0.0)
    package31225 (1.0.0)
    package31226 (1.0.0)
    package31227 (1.0.0)
    package31228 (1.0.0)
    package31229 (1.0.0)
    package31230 (1.0.0)
    package31231 (1.0.0)
    package31232 (1.0.0)
    package31233 (1.0.0)
    package31234 (1.0.0)
    package31235 (1.0.0)
    package31236 (1.0.0)
    package31237 (1.0.0)
    package31238 (1.0.0)
    package31239 (1.0.0)
    package31240 (1.0.0)
    package31241 (1.0.0)
    package31242 (1.0.0)
    package31243 (1.0.0)
    package31244 (1.0.0)
    package31245 (1.0.0)
    package31246 (1.0.0)
    package31247 (1.0.0)
    package31248 (1.0.0)
    package31249 (1.0.0)
    package31250 (1.0.0)
    package31251 (1.0.0)
    package31252 (1.0.0)
    package31253 (1.0.0)
    package31254 (1.0.0)
    package31255 (1.0.0)
    package31256 (1.0.0)
    package31257 (1.0.0)
    package31258 (1.0.0)
    package31259 (1.0.0)
    package31260 (1.0.0)
    package31261 (1.0.0)
    package31262 (1.0.0)
    package31263 (1.0.0)
    package31264 (1.0.0)
    package31265 (1.0.0)
    package31266 (1.0.0)
    package31267 (1.0.0)
    package31268 (1.0.0)
    package31269 (1.0.0)
    package31270 (1.0.0)
    package31271 (1.0.0)
    package31272 (1.0.0)
    package31273 (1.0.0)
    package31274 (1.0.0)
    package31275 (1.0.0)
    package31276 (1.0.0)
    package31277 (1.0.0)
    package31278 (1.0.0)
    package31279 (1.0.0)
    package31280 (1.0.0)
    package31281 (1.0.0)
    package31282 (1.0.0)
    package31283 (1.0.0)
    package31284 (1.0.0)
    package31285 (1.0.0)
    package31286 (1.0.0)
    package31287 (1.0.0)
    package31288 (1.0.0)
    package31289 (1.0.0)
    package31290 (1.0.0)
    package31291 (1.0.0)
    package31292 (1.0.0)
    package31293 (1.0.0)
    package31294 (1.0.0)
    package31295 (1.0.0)
    package31296 (1.0.0)
    package31297 (1.0.0)
    package31298 (1.0.0)
    package31299 (1.0.0)
    package31300 (1.0.0)
    package31301 (1.0.0)
    package31302 (1.0.0)
    package31303 (1.0.0)
    package31304 (1.0.0)
    package31305 (1.0.0)
    package31306 (1.0.0)
    package31307 (1.0.0)
    package31308 (1.0.0)
    package31309 (1.0.0)
    package31310 (1.0.0)
    package31311 (1.0.0)
    package31312 (1.0.0)
    package31313 (1.0.0)
    package31314 (1.0.0)
    package31315 (1.0.0)
    package31316 (1.0.0)
    package31317 (1.0.0)
    package31318 (1.0.0)
    package31319 (1.0.0)
    package31320 (1.0.0)
    package31321 (1.0.0)
    package31322 (1.0.0)
    package31323 (1.0.0)
    package31324 (1.0.0)
    package31325 (1.0.0)
    package31326 (1.0.0)
    package31327 (1.0.0)
    package31328 (1.0.0)
    package31329 (1.0.0)
    package31330 (1.0.0)
    package31331 (1.0.0)
    package31332 (1.0.0)
    package31333 (1.0.0)
    package31334 (1.0.0)
    package31335 (1.0.0)
    package31336 (1.0.0)
    package31337 (1.0.0)
    package31338 (1.0.0)
    package31339 (1.0.0)
    package31340 (1.0.0)
    package31341 (1.0.0)
    package31342 (1.0.0)
    package31343 (1.0.0)
    package31344 (1.0.0)
    package31345 (1.0.0)
    package31346 (1.0.0)
    package31347 (1.0.0)
    package31348 (1.0.0)
    package31349 (1.0.0)
    package31350 (1.0.0)
    package31351 (1.0.0)
    package31352 (1.0.0)
    package31353 (1.0.0)
    package31354 (1.0.0)
    package31355 (1.0.0)
    package31356 (1.0.0)
    package31357 (1.0.0)
    package31358 (1.0.0)
    package31359 (1.0.0)
    package31360 (1.0.0)
    package31361 (1.0.0)
    package31362 (1.0.0)
    package31363 (1.0.0)
    package31364 (1.0.0)
    package31365 (1.0.0)
    package31366 (1.0.0)
    package31367 (1.0.0)
    package31368 (1.0.0)
    package31369 (1.0.0)
    package31370 (1.0.0)
    package31371 (1.0.0)
    package31372 (1.0.0)
    package31373 (1.0.0)
    package31374 (1.0.0)
    package31375 (1.0.0)
    package31376 (1.0.0)
    package31377 (1.0.0)
    package31378 (1.0.0)
    package31379 (1.0.0)
    package31380 (1.0.0)
    package31381 (1.0.0)
    package31382 (1.0.0)
    package31383 (1.0.0)
    package31384 (1.0.0)
    package31385 (1.0.0)
    package31386 (1.0.0)
    package31387 (1.0.0)
    package31388 (1.0.0)
    package31389 (1.0.0)
    package31390 (1.0.0)
    package31391 (1.0.0)
    package31392 (1.0.0)
    package31393 (1.0.0)
    package31394 (1.0.0)
    package31395 (1.0.0)
    package31396 (1.0.0)
    package31397 (1.0.0)
    package31398 (1.0.0)
    package31399 (1.0.0)
    package31400 (1.0.0)
    package31401 (1.0.0)
    package31402 (1.0.0)
    package31403 (1.0.0)
    package31404 (1.0.0)
    package31405 (1.0.0)
    package31406 (1.0.0)
    package31407 (1.0.0)
    package31408 (1.0.0)
    package31409 (1.0.0)
    package31410 (1.0.0)
    package31411 (1.0.0)
    package31412 (1.0.0)
    package31413 (1.0.0)
    package31414 (1.0.0)
    package31415 (1.0.0)
    package31416 (1.0.0)
    package31417 (1.0.0)
    package31418 (1.0.0)
    package31419 (1.0.0)
    package31420 (1.0.0)
    package31421 (1.0.0)
    package31422 (1.0.0)
    package31423 (1.0.0)
    package31424 (1.0.0)
    package31425 (1.0.0)
    package31426 (1.0.0)
    package31427 (1.0.0)
    package31428 (1.0.0)
    package31429 (1.0.0)
    package31430 (1.0.0)
    package31431 (1.0.0)
    package31432 (1.0.0)
    package31433 (1.0.0)
    package31434 (1.0.0)
    package31435 (1.0.0)
    package31436 (1.0.0)
    package31437 (1.0.0)
    package31438 (1.0.0)
    package31439 (1.0.0)
    package31440 (1.0.0)
    package31441 (1.0.0)
    package31442 (1.0.0)
    package31443 (1.0.0)
    package31444 (1.0.0)
    package31445 (1.0.0)
    package31446 (1.0.0)
    package31447 (1.0.0)
    package31448 (1.0.0)
    package31449 (1.0.0)
    package31450 (1.0.0)
    package31451 (1.0.0)
    package31452 (1.0.0)
    package31453 (1.0.0)
    package31454 (1.0.0)
    package31455 (1.0.0)
    package31456 (1.0.0)
    package31457 (1.0.0)
    package31458 (1.0.0)
    package31459 (1.0.0)
    package31460 (1.0.0)
    package31461 (1.0.0)
    package31462 (1.0.0)
    package31463 (1.0.0)
    package31464 (1.0.0)
    package31465 (1.0.0)
    package31466 (1.0.0)
    package31467 (1.0.0)
    package31468 (1.0.0)
    package31469 (1.0.0)
    package31470 (1.0.0)
    package31471 (1.0.0)
    package31472 (1.0.0)
    package31473 (1.0.0)
    package31474 (1.0.0)
    package31475 (1.0.0)
    package31476 (1.0.0)
    package31477 (1.0.0)
    package31478 (1.0.0)
    package31479 (1.0.0)
    package31480 (1.0.0)
    package31481 (1.0.0)
    package31482 (1.0.0)
    package31483 (1.0.0)
    package31484 (1.0.0)
    package31485 (1.0.0)
    package31486 (1.0.0)
    package31487 (1.0.0)
    package31488 (1.0.0)
    package31489 (1.0.0)
    package31490 (1.0.0)
    package31491 (1.0.0)
    package31492 (1.0.0)
    package31493 (1.0.0)
    package31494 (1.0.0)
    package31495 (1.0.0)
    package31496 (1.0.0)
    package31497 (1.0.0)
    package31498 (1.0.0)
    package31499 (1.0.0)
    package31500 (1.0.0)
    package31501 (1.0.0)
    package31502 (1.0.0)
    package31503 (1.0.0)
    package31504 (1.0.0)
    package31505 (1.0.0)
    package31506 (1.0.0)
    package31507 (1.0.0)
    package31508 (1.0.0)
    package31509 (1.0.0)
    package31510 (1.0.0)
    package31511 (1.0.0)
    package31512 (1.0.0)
    package31513 (1.0.0)
    package31514 (1.0.0)
    package31515 (1.0.0)
    package31516 (1.0.0)
    package31517 (1.0.0)
    package31518 (1.0.0)
    package31519 (1.0.0)
    package31520 (1.0.0)
    package31521 (1.0.0)
    package31522 (1.0.0)
    package31523 (1.0.0)
    package31524 (1.0.0)
    package31525 (1.0.0)
    package31526 (1.0.0)
    package31527 (1.0.0)
    package31528 (1.0.0)
    package31529 (1.0.0)
    package31530 (1.0.0)
    package31531 (1.0.0)
    package31532 (1.0.0)
    package31533 (1.0.0)
    package31534 (1.0.0)
    package31535 (1.0.0)
    package31536 (1.0.0)
    package31537 (1.0.0)
    package31538 (1.0.0)
    package31539 (1.0.0)
    package31540 (1.0.0)
    package31541 (1.0.0)
    package31542 (1.0.0)
    package31543 (1.0.0)
    package31544 (1.0.0)
    package31545 (1.0.0)
    package31546 (1.0.0)
    package31547 (1.0.0)
    package31548 (1.0.0)
    package31549 (1.0.0)
    package31550 (1.0.0)
    package31551 (1.0.0)
    package31552 (1.0.0)
    package31553 (1.0.0)
    package31554 (1.0.0)
    package31555 (1.0.0)
    package31556 (1.0.0)
    package31557 (1.0.0)
    package31558 (1.0.0)
    package31559 (1.0.0)
    package31560 (1.0.0)
    package31561 (1.0.0)
    package31562 (1.0.0)
    package31563 (1.0.0)
    package31564 (1.0.0)
    package31565 (1.0.0)
    package31566 (1.0.0)
    package31567 (1.0.0)
    package31568 (1.0.0)
    package31569 (1.0.0)
    package31570 (1.0.0)
    package31571 (1.0.0)
    package31572 (1.0.0)
    package31573 (1.0.0)
    package31574 (1.0.0)
    package31575 (1.0.0)
    package31576 (1.0.0)
    package31577 (1.0.0)
    package31578 (1.0.0)
    package31579 (1.0.0)
    package31580 (1.0.0)
    package31581 (1.0.0)
    package31582 (1.0.0)
    package31583 (1.0.0)
    package31584 (1.0.0)
    package31585 (1.0.0)
    package31586 (1.0.0)
    package31587 (1.0.0)
    package31588 (1.0.0)
    package31589 (1.0.0)
    package31590 (1.0.0)
    package31591 (1.0.0)
    package31592 (1.0.0)
    package31593 (1.0.0)
    package31594 (1.0.0)
    package31595 (1.0.0)
    package31596 (1.0.0)
    package31597 (1.0.0)
    package31598 (1.0.0)
    package31599 (1.0.0)
    package31600 (1.0.0)
    package31601 (1.0.0)
    package31602 (1.0.0)
    package31603 (1.0.0)
    package31604 (1.0.0)
    package31605 (1.0.0)
    package31606 (1.0.0)
    package31607 (1.0.0)
    package31608 (1.0.0)
    package31609 (1.0.0)
    package31610 (1.0.0)
    package31611 (1.0.0)
    package31612 (1.0.0)
    package31613 (1.0.0)
    package31614 (1.0.0)
    package31615 (1.0.0)
    package31616 (1.0.0)
    package31617 (1.0.0)
    package31618 (1.0.0)
    package31619 (1.0.0)
    package31620 (1.0.0)
    package31621 (1.0.0)
    package31622 (1.0.0)
    package31623 (1.0.0)
    package31624 (1.0.0)
    package31625 (1.0.0)
    package31626 (1.0.0)
    package31627 (1.0.0)
    package31628 (1.0.0)
    package31629 (1.0.0)
    package31630 (1.0.0)
    package31631 (1.0.0)
    package31632 (1.0.0)
    package31633 (1.0.0)
    package31634 (1.0.0)
    package31635 (1.0.0)
    package31636 (1.0.0)
    package31637 (1.0.0)
    package31638 (1.0.0)
    package31639 (1.0.0)
    package31640 (1.0.0)
    package31641 (1.0.0)
    package31642 (1.0.0)
    package31643 (1.0.0)
    package31644 (1.0.0)
    package31645 (1.0.0)
    package31646 (1.0.0)
    package31647 (1.0.0)
    package31648 (1.0.0)
    package31649 (1.0.0)
    package31650 (1.0.0)
    package31651 (1.0.0)
    package31652 (1.0.0)
    package31653 (1.0.0)
    package31654 (1.0.0)
    package31655 (1.0.0)
    package31656 (1.0.0)
    package31657 (1.0.0)
    package31658 (1.0.0)
    package31659 (1.0.0)
    package31660 (1.0.0)
    package31661 (1.0.0)
    package31662 (1.0.0)
    package31663 (1.0.0)
    package31664 (1.0.0)
    package31665 (1.0.0)
    package31666 (1.0.0)
    package31667 (1.0.0)
    package31668 (1.0.0)
    package31669 (1.0.0)
    package31670 (1.0.0)
    package31671 (1.0.0)
    package31672 (1.0.0)
    package31673 (1.0.0)
    package31674 (1.0.0)
    package31675 (1.0.0)
    package31676 (1.0.0)
    package31677 (1.0.0)
    package31678 (1.0.0)
    package31679 (1.0.0)
    package31680 (1.0.0)
    package31681 (1.0.0)
    package31682 (1.0.0)
    package31683 (1.0.0)
    package31684 (1.0.0)
    package31685 (1.0.0)
    package31686 (1.0.0)
    package31687 (1.0.0)
    package31688 (1.0.0)
    package31689 (1.0.0)
    package31690 (1.0.0)
    package31691 (1.0.0)
    package31692 (1.0.0)
    package31693 (1.0.0)
    package31694 (1.0.0)
    package31695 (1.0.0)
    package31696 (1.0.0)
    package31697 (1.0.0)
    package31698 (1.0.0)
    package31699 (1.0.0)
    package31700 (1.0.0)
    package31701 (1.0.0)
    package31702 (1.0.0)
    package31703 (1.0.0)
    package31704 (1.0.0)
    package31705 (1.0.0)
    package31706 (1.0.0)
    package31707 (1.0.0)
    package31708 (1.0.0)
    package31709 (1.0.0)
    package31710 (1.0.0)
    package31711 (1.0.0)
    package31712 (1.0.0)
    package31713 (1.0.0)
    package31714 (1.0.0)
    package31715 (1.0.0)
    package31716 (1.0.0)
    package31717 (1.0.0)
    package31718 (1.0.0)
    package31719 (1.0.0)
    package31720 (1.0.0)
    package31721 (1.0.0)
    package31722 (1.0.0)
    package31723 (1.0.0)
    package31724 (1.0.0)
    package31725 (1.0.0)
    package31726 (1.0.0)
    package31727 (1.0.0)
    package31728 (1.0.0)
    package31729 (1.0.0)
    package31730 (1.0.0)
    package31731 (1.0.0)
    package31732 (1.0.0)
    package31733 (1.0.0)
    package31734 (1.0.0)
    package31735 (1.0.0)
    package31736 (1.0.0)
    package31737 (1.0.0)
    package31738 (1.0.0)
    package31739 (1.0.0)
    package31740 (1.0.0)
    package31741 (1.0.0)
    package31742 (1.0.0)
    package31743 (1.0.0)
    package31744 (1.0.0)
    package31745 (1.0.0)
    package31746 (1.0.0)
    package31747 (1.0.0)
    package31748 (1.0.0)
    package31749 (1.0.0)
    package31750 (1.0.0)
    package31751 (1.0.0)
    package31752 (1.0.0)
    package31753 (1.0.0)
    package31754 (1.0.0)
    package31755 (1.0.0)
    package31756 (1.0.0)
    package31757 (1.0.0)
    package31758 (1.0.0)
    package31759 (1.0.0)
    package31760 (1.0.0)
    package31761 (1.0.0)
    package31762 (1.0.0)
    package31763 (1.0.0)
    package31764 (1.0.0)
    package31765 (1.0.0)
    package31766 (1.0.0)
    package31767 (1.0.0)
    package31768 (1.0.0)
    package31769 (1.0.0)
    package31770 (1.0.0)
    package31771 (1.0.0)
    package31772 (1.0.0)
    package31773 (1.0.0)
    package31774 (1.0.0)
    package31775 (1.0.0)
    package31776 (1.0.0)
    package31777 (1.0.0)
    package31778 (1.0.0)
    package31779 (1.0.0)
    package31780 (1.0.0)
    package31781 (1.0.0)
    package31782 (1.0.0)
    package31783 (1.0.0)
    package31784 (1.0.0)
    package31785 (1.0.0)
    package31786 (1.0.0)
    package31787 (1.0.0)
    package31788 (1.0.0)
    package31789 (1.0.0)
    package31790 (1.0.0)
    package31791 (1.0.0)
    package31792 (1.0.0)
    package31793 (1.0.0)
    package31794 (1.0.0)
    package31795 (1.0.0)
    package31796 (1.0.0)
    package31797 (1.0.0)
    package31798 (1.0.0)
    package31799 (1.0.0)
    package31800 (1.0.0)
    package31801 (1.0.0)
    package31802 (1.0.0)
    package31803 (1.0.0)
    package31804 (1.0.0)
    package31805 (1.0.0)
    package31806 (1.0.0)
    package31807 (1.0.0)
    package31808 (1.0.0)
    package31809 (1.0.0)
    package31810 (1.0.0)
    package31811 (1.0.0)
    package31812 (1.0.0)
    package31813 (1.0.0)
    package31814 (1.0.0)
    package31815 (1.0.0)
    package31816 (1.0.0)
    package31817 (1.0.0)
    package31818 (1.0.0)
    package31819 (1.0.0)
    package31820 (1.0.0)
    package31821 (1.0.0)
    package31822 (1.0.0)
    package31823 (1.0.0)
    package31824 (1.0.0)
    package31825 (1.0.0)
    package31826 (1.0.0)
    package31827 (1.0.0)
    package31828 (1.0.0)
    package31829 (1.0.0)
    package31830 (1.0.0)
    package31831 (1.0.0)
    package31832 (1.0.0)
    package31833 (1.0.0)
    package31834 (1.0.0)
    package31835 (1.0.0)
    package31836 (1.0.0)
    package31837 (1.0.0)
    package31838 (1.0.0)
    package31839 (1.0.0)
    package31840 (1.0.0)
    package31841 (1.0.0)
    package31842 (1.0.0)
    package31843 (1.0.0)
    package31844 (1.0.0)
    package31845 (1.0.0)
    package31846 (1.0.0)
    package31847 (1.0.0)
    package31848 (1.0.0)
    package31849 (1.0.0)
    package31850 (1.0.0)
    package31851 (1.0.0)
    package31852 (1.0.0)
    package31853 (1.0.0)
    package31854 (1.0.0)
    package31855 (1.0.0)
    package31856 (1.0.0)
    package31857 (1.0.0)
    package31858 (1.0.0)
    package31859 (1.0.0)
    package31860 (1.0.0)
    package31861 (1.0.0)
    package31862 (1.0.0)
    package31863 (1.0.0)
    package31864 (1.0.0)
    package31865 (1.0.0)
    package31866 (1.0.0)
    package31867 (1.0.0)
    package31868 (1.0.0)
    package31869 (1.0.0)
    package31870 (1.0.0)
    package31871 (1.0.0)
    package31872 (1.0.0)
    package31873 (1.0.0)
    package31874 (1.0.0)
    package31875 (1.0.0)
    package31876 (1.0.0)
    package31877 (1.0.0)
    package31878 (1.0.0)
    package31879 (1.0.0)
    package31880 (1.0.0)
    package31881 (1.0.0)
    package31882 (1.0.0)
    package31883 (1.0.0)
    package31884 (1.0.0)
    package31885 (1.0.0)
    package31886 (1.0.0)
    package31887 (1.0.0)
    package31888 (1.0.0)
    package31889 (1.0.0)
    package31890 (1.0.0)
    package31891 (1.0.0)
    package31892 (1.0.0)
    package31893 (1.0.0)
    package31894 (1.0.0)
    package31895 (1.0.0)
    package31896 (1.0.0)
    package31897 (1.0.0)
    package31898 (1.0.0)
    package31899 (1.0.0)
    package31900 (1.0.0)
    package31901 (1.0.0)
    package31902 (1.0.0)
    package31903 (1.0.0)
    package31904 (1.0.0)
    package31905 (1.0.0)
    package31906 (1.0.0)
    package31907 (1.0.0)
    package31908 (1.0.0)
    package31909 (1.0.0)
    package31910 (1.0.0)
    package31911 (1.0.0)
    package31912 (1.0.0)
    package31913 (1.0.0)
    package31914 (1.0.0)
    package31915 (1.0.0)
    package31916 (1.0.0)
    package31917 (1.0.0)
    package31918 (1.0.0)
    package31919 (1.0.0)
    package31920 (1.0.0)
    package31921 (1.0.0)
    package31922 (1.0.0)
    package31923 (1.0.0)
    package31924 (1.0.0)
    package31925 (1.0.0)
    package31926 (1.0.0)
    package31927 (1.0.0)
    package31928 (1.0.0)
    package31929 (1.0.0)
    package31930 (1.0.0)
    package31931 (1.0.0)
    package31932 (1.0.0)
    package31933 (1.0.0)
    package31934 (1.0.0)
    package31935 (1.0.0)
    package31936 (1.0.0)
    package31937 (1.0.0)
    package31938 (1.0.0)
    package31939 (1.0.0)
    package31940 (1.0.0)
    package31941 (1.0.0)
    package31942 (1.0.0)
    package31943 (1.0.0)
    package31944 (1.0.0)
    package31945 (1.0.0)
    package31946 (1.0.0)
    package31947 (1.0.0)
    package31948 (1.0.0)
    package31949 (1.0.0)
    package31950 (1.0.0)
    package31951 (1.0.0)
    package31952 (1.0.0)
    package31953 (1.0.0)
    package31954 (1.0.0)
    package31955 (1.0.0)
    package31956 (1.0.0)
    package31957 (1.0.0)
    package31958 (1.0.0)
    package31959 (1.0.0)
    package31960 (1.0.0)
    package31961 (1.0.0)
    package31962 (1.0.0)
    package31963 (1.0.0)
    package31964 (1.0.0)
    package31965 (1.0.0)
    package31966 (1.0.0)
    package31967 (1.0.0)
    package31968 (1.0.0)
    package31969 (1.0.0)
    package31970 (1.0.0)
    package31971 (1.0.0)
    package31972 (1.0.0)
    package31973 (1.0.0)
    package31974 (1.0.0)
    package31975 (1.0.0)
    package31976 (1.0.0)
    package31977 (1.0.0)
    package31978 (1.0.0)
    package31979 (1.0.0)
    package31980 (1.0.0)
    package31981 (1.0.0)
    package31982 (1.0.0)
    package31983 (1.0.0)
    package31984 (1.0.0)
    package31985 (1.0.0)
    package31986 (1.0.0)
    package31987 (1.0.0)
    package31988 (1.0.0)
    package31989 (1.0.0)
    package31990 (1.0.0)
    package31991 (1.0.0)
    package31992 (1.0.0)
    package31993 (1.0.0)
    package31994 (1.0.0)
    package31995 (1.0.0)
    package31996 (1.0.0)
    package31997 (1.0.0)
    package31998 (1.0.0)
    package31999 (1.0.0)
    package32000 (1.0.0)
    package32001 (1.0.0)
    package32002 (1.0.0)
    package32003 (1.0.0)
    package32004 (1.0.0)
    package32005 (1.0.0)
    package32006 (1.0.0)
    package32007 (1.0.0)
    package32008 (1.0.0)
    package32009 (1.0.0)
    package32010 (1.0.0)
    package32011 (1.0.0)
    package32012 (1.0.0)
    package32013 (1.0.0)
    package32014 (1.0.0)
    package32015 (1.0.0)
    package32016 (1.0.0)
    package32017 (1.0.0)
    package32018 (1.0.0)
    package32019 (1.0.0)
    package32020 (1.0.0)
    package32021 (1.0.0)
    package32022 (1.0.0)
    package32023 (1.0.0)
    package32024 (1.0.0)
    package32025 (1.0.0)
    package32026 (1.0.0)
    package32027 (1.0.0)
    package32028 (1.0.0)
    package32029 (1.0.0)
    package32030 (1.0.0)
    package32031 (1.0.0)
    package32032 (1.0.0)
    package32033 (1.0.0)
    package32034 (1.0.0)
    package32035 (1.0.0)
    package32036 (1.0.0)
    package32037 (1.0.0)
    package32038 (1.0.0)
    package32039 (1.0.0)
    package32040 (1.0.0)
    package32041 (1.0.0)
    package32042 (1.0.0)
    package32043 (1.0.0)
    package32044 (1.0.0)
    package32045 (1.0.0)
    package32046 (1.0.0)
    package32047 (1.0.0)
    package32048 (1.0.0)
    package32049 (1.0.0)
    package32050 (1.0.0)
    package32051 (1.0.0)
    package32052 (1.0.0)
    package32053 (1.0.0)
    package32054 (1.0.0)
    package32055 (1.0.0)
    package32056 (1.0.0)
    package32057 (1.0.0)
    package32058 (1.0.0)
    package32059 (1.0.0)
    package32060 (1.0.0)
    package32061 (1.0.0)
    package32062 (1.0.0)
    package32063 (1.0.0)
    package32064 (1.0.0)
    package32065 (1.0.0)
    package32066 (1.0.0)
    package32067 (1.0.0)
    package32068 (1.0.0)
    package32069 (1.0.0)
    package32070 (1.0.0)
    package32071 (1.0.0)
    package32072 (1.0.0)
    package32073 (1.0.0)
    package32074 (1.0.0)
    package32075 (1.0.0)
    package32076 (1.0.0)
    package32077 (1.0.0)
    package32078 (1.0.0)
    package32079 (1.0.0)
    package32080 (1.0.0)
    package32081 (1.0.0)
    package32082 (1.0.0)
    package32083 (1.0.0)
    package32084 (1.0.0)
    package32085 (1.0.0)
    package32086 (1.0.0)
    package32087 (1.0.0)
    package32088 (1.0.0)
    package32089 (1.0.0)
    package32090 (1.0.0)
    package32091 (1.0.0)
    package32092 (1.0.0)
    package32093 (1.0.0)
    package32094 (1.0.0)
    package32095 (1.0.0)
    package32096 (1.0.0)
    package32097 (1.0.0)
    package32098 (1.0.0)
    package32099 (1.0.0)
    package32100 (1.0.0)
    package32101 (1.0.0)
    package32102 (1.0.0)
    package32103 (1.0.0)
    package32104 (1.0.0)
    package32105 (1.0.0)
    package32106 (1.0.0)
    package32107 (1.0.0)
    package32108 (1.0.0)
    package32109 (1.0.0)
    package32110 (1.0.0)
    package32111 (1.0.0)
    package32112 (1.0.0)
    package32113 (1.0.0)
    package32114 (1.0.0)
    package32115 (1.0.0)
    package32116 (1.0.0)
    package32117 (1.0.0)
    package32118 (1.0.0)
    package32119 (1.0.0)
    package32120 (1.0.0)
    package32121 (1.0.0)
    package32122 (1.0.0)
    package32123 (1.0.0)
    package32124 (1.0.0)
    package32125 (1.0.0)
    package32126 (1.0.0)
    package32127 (1.0.0)
    package32128 (1.0.0)
    package32129 (1.0.0)
    package32130 (1.0.0)
    package32131 (1.0.0)
    package32132 (1.0.0)
    package32133 (1.0.0)
    package32134 (1.0.0)
    package32135 (1.0.0)
    package32136 (1.0.0)
    package32137 (1.0.0)
    package32138 (1.0.0)
    package32139 (1.0.0)
    package32140 (1.0.0)
    package32141 (1.0.0)
    package32142 (1.0.0)
    package32143 (1.0.0)
    package32144 (1.0.0)
    package32145 (1.0.0)
    package32146 (1.0.0)
    package32147 (1.0.0)
    package32148 (1.0.0)
    package32149 (1.0.0)
    package32150 (1.0.0)
    package32151 (1.0.0)
    package32152 (1.0.0)
    package32153 (1.0.0)
    package32154 (1.0.0)
    package32155 (1.0.0)
    package32156 (1.0.0)
    package32157 (1.0.0)
    package32158 (1.0.0)
    package32159 (1.0.0)
    package32160 (1.0.0)
    package32161 (1.0.0)
    package32162 (1.0.0)
    package32163 (1.0.0)
    package32164 (1.0.0)
    package32165 (1.0.0)
    package32166 (1.0.0)
    package32167 (1.0.0)
    package32168 (1.0.0)
    package32169 (1.0.0)
    package32170 (1.0.0)
    package32171 (1.0.0)
    package32172 (1.0.0)
    package32173 (1.0.0)
    package32174 (1.0.0)
    package32175 (1.0.0)
    package32176 (1.0.0)
    package32177 (1.0.0)
    package32178 (1.0.0)
    package32179 (1.0.0)
    package32180 (1.0.0)
    package32181 (1.0.0)
    package32182 (1.0.0)
    package32183 (1.0.0)
    package32184 (1.0.0)
    package32185 (1.0.0)
    package32186 (1.0.0)
    package32187 (1.0.0)
    package32188 (1.0.0)
    package32189 (1.0.0)
    package32190 (1.0.0)
    package32191 (1.0.0)
    package32192 (1.0.0)
    package32193 (1.0.0)
    package32194 (1.0.0)
    package32195 (1.0.0)
    package32196 (1.0.0)
    package32197 (1.0.0)
    package32198 (1.0.0)
    package32199 (1.0.0)
    package32200 (1.0.0)
    package32201 (1.0.0)
    package32202 (1.0.0)
    package32203 (1.0.0)
    package32204 (1.0.0)
    package32205 (1.0.0)
    package32206 (1.0.0)
    package32207 (1.0.0)
    package32208 (1.0.0)
    package32209 (1.0.0)
    package32210 (1.0.0)
    package32211 (1.0.0)
    package32212 (1.0.0)
    package32213 (1.0.0)
    package32214 (1.0.0)
    package32215 (1.0.0)
    package32216 (1.0.0)
    package32217 (1.0.0)
    package32218 (1.0.0)
    package32219 (1.0.0)
    package32220 (1.0.0)
    package32221 (1.0.0)
    package32222 (1.0.0)
    package32223 (1.0.0)
    package32224 (1.0.0)
    package32225 (1.0.0)
    package32226 (1.0.0)
    package32227 (1.0.0)
    package32228 (1.0.0)
    package32229 (1.0.0)
    package32230 (1.0.0)
    package32231 (1.0.0)
    package32232 (1.0.0)
    package32233 (1.0.0)
    package32234 (1.0.0)
    package32235 (1.0.0)
    package32236 (1.0.0)
    package32237 (1.0.0)
    package32238 (1.0.0)
    package32239 (1.0.0)
    package32240 (1.0.0)
    package32241 (1.0.0)
    package32242 (1.0.0)
    package32243 (1.0.0)
    package32244 (1.0.0)
    package32245 (1.0.0)
    package32246 (1.0.0)
    package32247 (1.0.0)
    package32248 (1.0.0)
    package32249 (1.0.0)
    package32250 (1.0.0)
    package32251 (1.0.0)
    package32252 (1.0.0)
    package32253 (1.0.0)
    package32254 (1.0.0)
    package32255 (1.0.0)
    package32256 (1.0.0)
    package32257 (1.0.0)
    package32258 (1.0.0)
    package32259 (1.0.0)
    package32260 (1.0.0)
    package32261 (1.0.0)
    package32262 (1.0.0)
    package32263 (1.0.0)
    package32264 (1.0.0)
    package32265 (1.0.0)
    package32266 (1.0.0)
    package32267 (1.0.0)
    package32268 (1.0.0)
    package32269 (1.0.0)
    package32270 (1.0.0)
    package32271 (1.0.0)
    package32272 (1.0.0)
    package32273 (1.0.0)
    package32274 (1.0.0)
    package32275 (1.0.0)
    package32276 (1.0.0)
    package32277 (1.0.0)
    package32278 (1.0.0)
    package32279 (1.0.0)
    package32280 (1.0.0)
    package32281 (1.0.0)
    package32282 (1.0.0)
    package32283 (1.0.0)
    package32284 (1.0.0)
    package32285 (1.0.0)
    package32286 (1.0.0)
    package32287 (1.0.0)
    package32288 (1.0.0)
    package32289 (1.0.0)
    package32290 (1.0.0)
    package32291 (1.0.0)
    package32292 (1.0.0)
    package32293 (1.0.0)
    package32294 (1.0.0)
    package32295 (1.0.0)
    package32296 (1.0.0)
    package32297 (1.0.0)
    package32298 (1.0.0)
    package32299 (1.0.0)
    package32300 (1.0.0)
    package32301 (1.0.0)
    package32302 (1.0.0)
    package32303 (1.0.0)
    package32304 (1.0.0)
    package32305 (1.0.0)
    package32306 (1.0.0)
    package32307 (1.0.0)
    package32308 (1.0.0)
    package32309 (1.0.0)
    package32310 (1.0.0)
    package32311 (1.0.0)
    package32312 (1.0.0)
    package32313 (1.0.0)
    package32314 (1.0.0)
    package32315 (1.0.0)
    package32316 (1.0.0)
    package32317 (1.0.0)
    package32318 (1.0.0)
    package32319 (1.0.0)
    package32320 (1.0.0)
    package32321 (1.0.0)
    package32322 (1.0.0)
    package32323 (1.0.0)
    package32324 (1.0.0)
    package32325 (1.0.0)
    package32326 (1.0.0)
    package32327 (1.0.0)
    package32328 (1.0.0)
    package32329 (1.0.0)
    package32330 (1.0.0)
    package32331 (1.0.0)
    package32332 (1.0.0)
    package32333 (1.0.0)
    package32334 (1.0.0)
    package32335 (1.0.0)
    package32336 (1.0.0)
    package32337 (1.0.0)
    package32338 (1.0.0)
    package32339 (1.0.0)
    package32340 (1.0.0)
    package32341 (1.0.0)
    package32342 (1.0.0)
    package32343 (1.0.0)
    package32344 (1.0.0)
    package32345 (1.0.0)
    package32346 (1.0.0)
    package32347 (1.0.0)
    package32348 (1.0.0)
    package32349 (1.0.0)
    package32350 (1.0.0)
    package32351 (1.0.0)
    package32352 (1.0.0)
    package32353 (1.0.0)
    package32354 (1.0.0)
    package32355 (1.0.0)
    package32356 (1.0.0)
    package32357 (1.0.0)
    package32358 (1.0.0)
    package32359 (1.0.0)
    package32360 (1.0.0)
    package32361 (1.0.0)
    package32362 (1.0.0)
    package32363 (1.0.0)
    package32364 (1.0.0)
    package32365 (1.0.0)
    package32366 (1.0.0)
    package32367 (1.0.0)
    package32368 (1.0.0)
    package32369 (1.0.0)
    package32370 (1.0.0)
    package32371 (1.0.0)
    package32372 (1.0.0)
    package32373 (1.0.0)
    package32374 (1.0.0)
    package32375 (1.0.0)
    package32376 (1.0.0)
    package32377 (1.0.0)
    package32378 (1.0.0)
    package32379 (1.0.0)
    package32380 (1.0.0)
    package32381 (1.0.0)
    package32382 (1.0.0)
    package32383 (1.0.0)
    package32384 (1.0.0)
    package32385 (1.0.0)
    package32386 (1.0.0)
    package32387 (1.0.0)
    package32388 (1.0.0)
    package32389 (1.0.0)
    package32390 (1.0.0)
    package32391 (1.0.0)
    package32392 (1.0.0)
    package32393 (1.0.0)
    package32394 (1.0.0)
    package32395 (1.0.0)
    package32396 (1.0.0)
    package32397 (1.0.0)
    package32398 (1.0.0)
    package32399 (1.0.0)
    package32400 (1.0.0)
    package32401 (1.0.0)
    package32402 (1.0.0)
    package32403 (1.0.0)
    package32404 (1.0.0)
    package32405 (1.0.0)
    package32406 (1.0.0)
    package32407 (1.0.0)
    package32408 (1.0.0)
    package32409 (1.0.0)
    package32410 (1.0.0)
    package32411 (1.0.0)
    package32412 (1.0.0)
    package32413 (1.0.0)
    package32414 (1.0.0)
    package32415 (1.0.0)
    package32416 (1.0.0)
    package32417 (1.0.0)
    package32418 (1.0.0)
    package32419 (1.0.0)
    package32420 (1.0.0)
    package32421 (1.0.0)
    package32422 (1.0.0)
    package32423 (1.0.0)
    package32424 (1.0.0)
    package32425 (1.0.0)
    package32426 (1.0.0)
    package32427 (1.0.0)
    package32428 (1.0.0)
    package32429 (1.0.0)
    package32430 (1.0.0)
    package32431 (1.0.0)
    package32432 (1.0.0)
    package32433 (1.0.0)
    package32434 (1.0.0)
    package32435 (1.0.0)
    package32436 (1.0.0)
    package32437 (1.0.0)
    package32438 (1.0.0)
    package32439 (1.0.0)
    package32440 (1.0.0)
    package32441 (1.0.0)
    package32442 (1.0.0)
    package32443 (1.0.0)
    package32444 (1.0.0)
    package32445 (1.0.0)
    package32446 (1.0.0)
    package32447 (1.0.0)
    package32448 (1.0.0)
    package32449 (1.0.0)
    package32450 (1.0.0)
    package32451 (1.0.0)
    package32452 (1.0.0)
    package32453 (1.0.0)
    package32454 (1.0.0)
    package32455 (1.0.0)
    package32456 (1.0.0)
    package32457 (1.0.0)
    package32458 (1.0.0)
    package32459 (1.0.0)
    package32460 (1.0.0)
    package32461 (1.0.0)
    package32462 (1.0.0)
    package32463 (1.0.0)
    package32464 (1.0.0)
    package32465 (1.0.0)
    package32466 (1.0.0)
    package32467 (1.0.0)
    package32468 (1.0.0)
    package32469 (1.0.0)
    package32470 (1.0.0)
    package32471 (1.0.0)
    package32472 (1.0.0)
    package32473 (1.0.0)
    package32474 (1.0.0)
    package32475 (1.0.0)
    package32476 (1.0.0)
    package32477 (1.0.0)
    package32478 (1.0.0)
    package32479 (1.0.0)
    package32480 (1.0.0)
    package32481 (1.0.0)
    package32482 (1.0.0)
    package32483 (1.0.0)
    package32484 (1.0.0)
    package32485 (1.0.0)
    package32486 (1.0.0)
    package32487 (1.0.0)
    package32488 (1.0.0)
    package32489 (1.0.0)
    package32490 (1.0.0)
    package32491 (1.0.0)
    package32492 (1.0.0)
    package32493 (1.0.0)
    package32494 (1.0.0)
    package32495 (1.0.0)
    package32496 (1.0.0)
    package32497 (1.0.0)
    package32498 (1.0.0)
    package32499 (1.0.0)
    package32500 (1.0.0)
    package32501 (1.0.0)
    package32502 (1.0.0)
    package32503 (1.0.0)
    package32504 (1.0.0)
    package32505 (1.0.0)
    package32506 (1.0.0)
    package32507 (1.0.0)
    package32508 (1.0.0)
    package32509 (1.0.0)
    package32510 (1.0.0)
    package32511 (1.0.0)
    package32512 (1.0.0)
    package32513 (1.0.0)
    package32514 (1.0.0)
    package32515 (1.0.0)
    package32516 (1.0.0)
    package32517 (1.0.0)
    package32518 (1.0.0)
    package32519 (1.0.0)
    package32520 (1.0.0)
    package32521 (1.0.0)
    package32522 (1.0.0)
    package32523 (1.0.0)
    package32524 (1.0.0)
    package32525 (1.0.0)
    package32526 (1.0.0)
    package32527 (1.0.0)
    package32528 (1.0.0)
    package32529 (1.0.0)
    package32530 (1.0.0)
    package32531 (1.0.0)
    package32532 (1.0.0)
    package32533 (1.0.0)
    package32534 (1.0.0)
    package32535 (1.0.0)
    package32536 (1.0.0)
    package32537 (1.0.0)
    package32538 (1.0.0)
    package32539 (1.0.0)
    package32540 (1.0.0)
    package32541 (1.0.0)
    package32542 (1.0.0)
    package32543 (1.0.0)
    package32544 (1.0.0)
    package32545 (1.0.0)
    package32546 (1.0.0)
    package32547 (1.0.0)
    package32548 (1.0.0)
    package32549 (1.0.0)
    package32550 (1.0.0)
    package32551 (1.0.0)
    package32552 (1.0.0)
    package32553 (1.0.0)
    package32554 (1.0.0)
    package32555 (1.0.0)
    package32556 (1.0.0)
    package32557 (1.0.0)
    package32558 (1.0.0)
    package32559 (1.0.0)
    package32560 (1.0.0)
    package32561 (1.0.0)
    package32562 (1.0.0)
    package32563 (1.0.0)
    package32564 (1.0.0)
    package32565 (1.0.0)
    package32566 (1.0.0)
    package32567 (1.0.0)
    package32568 (1.0.0)
    package32569 (1.0.0)
    package32570 (1.0.0)
    package32571 (1.0.0)
    package32572 (1.0.0)
    package32573 (1.0.0)
    package32574 (1.0.0)
    package32575 (1.0.0)
    package32576 (1.0.0)
    package32577 (1.0.0)
    package32578 (1.0.0)
    package32579 (1.0.0)
    package32580 (1.0.0)
    package32581 (1.0.0)
    package32582 (1.0.0)
    package32583 (1.0.0)
    package32584 (1.0.0)
    package32585 (1.0.0)
    package32586 (1.0.0)
    package32587 (1.0.0)
    package32588 (1.0.0)
    package32589 (1.0.0)
    package32590 (1.0.0)
    package32591 (1.0.0)
    package32592 (1.0.0)
    package32593 (1.0.0)
    package32594 (1.0.0)
    package32595 (1.0.0)
    package32596 (1.0.0)
    package32597 (1.0.0)
    package32598 (1.0.0)
    package32599 (1.0.0)
    package32600 (1.0.0)
    package32601 (1.0.0)
    package32602 (1.0.0)
    package32603 (1.0.0)
    package32604 (1.0.0)
    package32605 (1.0.0)
    package32606 (1.0.0)
    package32607 (1.0.0)
    package32608 (1.0.0)
    package32609 (1.0.0)
    package32610 (1.0.0)
    package32611 (1.0.0)
    package32612 (1.0.0)
    package32613 (1.0.0)
    package32614 (1.0.0)
    package32615 (1.0.0)
    package32616 (1.0.0)
    package32617 (1.0.0)
    package32618 (1.0.0)
    package32619 (1.0.0)
    package32620 (1.0.0)
    package32621 (1.0.0)
    package32622 (1.0.0)
    package32623 (1.0.0)
    package32624 (1.0.0)
    package32625 (1.0.0)
    package32626 (1.0.0)
    package32627 (1.0.0)
    package32628 (1.0.0)
    package32629 (1.0.0)
    package32630 (1.0.0)
    package32631 (1.0.0)
    package32632 (1.0.0)
    package32633 (1.0.0)
    package32634 (1.0.0)
    package32635 (1.0.0)
    package32636 (1.0.0)
    package32637 (1.0.0)
    package32638 (1.0.0)
    package32639 (1.0.0)
    package32640 (1.0.0)
    package32641 (1.0.0)
    package32642 (1.0.0)
    package32643 (1.0.0)
    package32644 (1.0.0)
    package32645 (1.0.0)
    package32646 (1.0.0)
    package32647 (1.0.0)
    package32648 (1.0.0)
    package32649 (1.0.0)
    package32650 (1.0.0)
    package32651 (1.0.0)
    package32652 (1.0.0)
    package32653 (1.0.0)
    package32654 (1.0.0)
    package32655 (1.0.0)
    package32656 (1.0.0)
    package32657 (1.0.0)
    package32658 (1.0.0)
    package32659 (1.0.0)
    package32660 (1.0.0)
    package32661 (1.0.0)
    package32662 (1.0.0)
    package32663 (1.0.0)
    package32664 (1.0.0)
    package32665 (1.0.0)
    package32666 (1.0.0)
    package32667 (1.0.0)
    package32668 (1.0.0)
    package32669 (1.0.0)
    package32670 (1.0.0)
    package32671 (1.0.0)
    package32672 (1.0.0)
    package32673 (1.0.0)
    package32674 (1.0.0)
    package32675 (1.0.0)
    package32676 (1.0.0)
    package32677 (1.0.0)
    package32678 (1.0.0)
    package32679 (1.0.0)
    package32680 (1.0.0)
    package32681 (1.0.0)
    package32682 (1.0.0)
    package32683 (1.0.0)
    package32684 (1.0.0)
    package32685 (1.0.0)
    package32686 (1.0.0)
    package32687 (1.0.0)
    package32688 (1.0.0)
    package32689 (1.0.0)
    package32690 (1.0.0)
    package32691 (1.0.0)
    package32692 (1.0.0)
    package32693 (1.0.0)
    package32694 (1.0.0)
    package32695 (1.0.0)
    package32696 (1.0.0)
    package32697 (1.0.0)
    package32698 (1.0.0)
    package32699 (1.0.0)
    package32700 (1.0.0)
    package32701 (1.0.0)
    package32702 (1.0.0)
    package32703 (1.0.0)
    package32704 (1.0.0)
    package32705 (1.0.0)
    package32706 (1.0.0)
    package32707 (1.0.0)
    package32708 (1.0.0)
    package32709 (1.0.0)
    package32710 (1.0.0)
    package32711 (1.0.0)
    package32712 (1.0.0)
    package32713 (1.0.0)
    package32714 (1.0.0)
    package32715 (1.0.0)
    package32716 (1.0.0)
    package32717 (1.0.0)
    package32718 (1.0.0)
    package32719 (1.0.0)
    package32720 (1.0.0)
    package32721 (1.0.0)
    package32722 (1.0.0)
    package32723 (1.0.0)
    package32724 (1.0.0)
    package32725 (1.0.0)
    package32726 (1.0.0)
    package32727 (1.0.0)
    package32728 (1.0.0)
    package32729 (1.0.0)
    package32730 (1.0.0)
    package32731 (1.0.0)
    package32732 (1.0.0)
    package32733 (1.0.0)
    package32734 (1.0.0)
    package32735 (1.0.0)
    package32736 (1.0.0)
    package32737 (1.0.0)
    package32738 (1.0.0)
    package32739 (1.0.0)
    package32740 (1.0.0)
    package32741 (1.0.0)
    package32742 (1.0.0)
    package32743 (1.0.0)
    package32744 (1.0.0)
    package32745 (1.0.0)
    package32746 (1.0.0)
    package32747 (1.0.0)
    package32748 (1.0.0)
    package32749 (1.0.0)
    package32750 (1.0.0)
    package32751 (1.0.0)
    package32752 (1.0.0)
    package32753 (1.0.0)
    package32754 (1.0.0)
    package32755 (1.0.0)
    package32756 (1.0.0)
    package32757 (1.0.0)
    package32758 (1.0.0)
    package32759 (1.0.0)
    package32760 (1.0.0)
    package32761 (1.0.0)
    package32762 (1.0.0)
    package32763 (1.0.0)
    package32764 (1.0.0)
    package32765 (1.0.0)
    package32766 (1.0.0)
    package32767 (1.0.0)
    package32768 (1.0.0)
    package32769 (1.0.0)
    package32770 (1.0.0)
    package32771 (1.0.0)
    package32772 (1.0.0)
    package32773 (1.0.0)
    package32774 (1.0.0)
    package32775 (1.0.0)
    package32776 (1.0.0)
    package32777 (1.0.0)
    package32778 (1.0.0)
    package32779 (1.0.0)
    package32780 (1.0.0)
    package32781 (1.0.0)
    package32782 (1.0.0)
    package32783 (1.0.0)
    package32784 (1.0.0)
    package32785 (1.0.0)
    package32786 (1.0.0)
    package32787 (1.0.0)
    package32788 (1.0.0)
    package32789 (1.0.0)
    package32790 (1.0.0)
    package32791 (1.0.0)
    package32792 (1.0.0)
    package32793 (1.0.0)
    package32794 (1.0.0)
    package32795 (1.0.0)
    package32796 (1.0.0)
    package32797 (1.0.0)
    package32798 (1.0.0)
    package32799 (1.0.0)
    package32800 (1.0.0)
    package32801 (1.0.0)
    package32802 (1.0.0)
    package32803 (1.0.0)
    package32804 (1.0.0)
    package32805 (1.0.0)
    package32806 (1.0.0)
    package32807 (1.0.0)
    package32808 (1.0.0)
    package32809 (1.0.0)
    package32810 (1.0.0)
    package32811 (1.0.0)
    package32812 (1.0.0)
    package32813 (1.0.0)
    package32814 (1.0.0)
    package32815 (1.0.0)
    package32816 (1.0.0)
    package32817 (1.0.0)
    package32818 (1.0.0)
    package32819 (1.0.0)
    package32820 (1.0.0)
    package32821 (1.0.0)
    package32822 (1.0.0)
    package32823 (1.0.0)
    package32824 (1.0.0)
    package32825 (1.0.0)
    package32826 (1.0.0)
    package32827 (1.0.0)
    package32828 (1.0.0)
    package32829 (1.0.0)
    package32830 (1.0.0)
    package32831 (1.0.0)
    package32832 (1.0.0)
    package32833 (1.0.0)
    package32834 (1.0.0)
    package32835 (1.0.0)
    package32836 (1.0.0)
    package32837 (1.0.0)
    package32838 (1.0.0)
    package32839 (1.0.0)
    package32840 (1.0.0)
    package32841 (1.0.0)
    package32842 (1.0.0)
    package32843 (1.0.0)
    package32844 (1.0.0)
    package32845 (1.0.0)
    package32846 (1.0.0)
    package32847 (1.0.0)
    package32848 (1.0.0)
    package32849 (1.0.0)
    package32850 (1.0.0)
    package32851 (1.0.0)
    package32852 (1.0.0)
    package32853 (1.0.0)
    package32854 (1.0.0)
    package32855 (1.0.0)
    package32856 (1.0.0)
    package32857 (1.0.0)
    package32858 (1.0.0)
    package32859 (1.0.0)
    package32860 (1.0.0)
    package32861 (1.0.0)
    package32862 (1.0.0)
    package32863 (1.0.0)
    package32864 (1.0.0)
    package32865 (1.0.0)
    package32866 (1.0.0)
    package32867 (1.0.0)
    package32868 (1.0.0)
    package32869 (1.0.0)
    package32870 (1.0.0)
    package32871 (1.0.0)
    package32872 (1.0.0)
    package32873 (1.0.0)
    package32874 (1.0.0)
    package32875 (1.0.0)
    package32876 (1.0.0)
    package32877 (1.0.0)
    package32878 (1.0.0)
    package32879 (1.0.0)
    package32880 (1.0.0)
    package32881 (1.0.0)
    package32882 (1.0.0)
    package32883 (1.0.0)
    package32884 (1.0.0)
    package32885 (1.0.0)
    package32886 (1.0.0)
    package32887 (1.0.0)
    package32888 (1.0.0)
    package32889 (1.0.0)
    package32890 (1.0.0)
    package32891 (1.0.0)
    package32892 (1.0.0)
    package32893 (1.0.0)
    package32894 (1.0.0)
    package32895 (1.0.0)
    package32896 (1.0.0)
    package32897 (1.0.0)
    package32898 (1.0.0)
    package32899 (1.0.0)
    package32900 (1.0.0)
    package32901 (1.0.0)
    package32902 (1.0.0)
    package32903 (1.0.0)
    package32904 (1.0.0)
    package32905 (1.0.0)
    package32906 (1.0.0)
    package32907 (1.0.0)
    package32908 (1.0.0)
    package32909 (1.0.0)
    package32910 (1.0.0)
    package32911 (1.0.0)
    package32912 (1.0.0)
    package32913 (1.0.0)
    package32914 (1.0.0)
    package32915 (1.0.0)
    package32916 (1.0.0)
    package32917 (1.0.0)
    package32918 (1.0.0)
    package32919 (1.0.0)
    package32920 (1.0.0)
    package32921 (1.0.0)
    package32922 (1.0.0)
    package32923 (1.0.0)
    package32924 (1.0.0)
    package32925 (1.0.0)
    package32926 (1.0.0)
    package32927 (1.0.0)
    package32928 (1.0.0)
    package32929 (1.0.0)
    package32930 (1.0.0)
    package32931 (1.0.0)
    package32932 (1.0.0)
    package32933 (1.0.0)
    package32934 (1.0.0)
    package32935 (1.0.0)
    package32936 (1.0.0)
    package32937 (1.0.0)
    package32938 (1.0.0)
    package32939 (1.0.0)
    package32940 (1.0.0)
    package32941 (1.0.0)
    package32942 (1.0.0)
    package32943 (1.0.0)
    package32944 (1.0.0)
    package32945 (1.0.0)
    package32946 (1.0.0)
    package32947 (1.0.0)
    package32948 (1.0.0)
    package32949 (1.0.0)
    package32950 (1.0.0)
    package32951 (1.0.0)
    package32952 (1.0.0)
    package32953 (1.0.0)
    package32954 (1.0.0)
    package32955 (1.0.0)
    package32956 (1.0.0)
    package32957 (1.0.0)
    package32958 (1.0.0)
    package32959 (1.0.0)
    package32960 (1.0.0)
    package32961 (1.0.0)
    package32962 (1.0.0)
    package32963 (1.0.0)
    package32964 (1.0.0)
    package32965 (1.0.0)
    package32966 (1.0.0)
    package32967 (1.0.0)
    package32968 (1.0.0)
    package32969 (1.0.0)
    package32970 (1.0.0)
    package32971 (1.0.0)
    package32972 (1.0.0)
    package32973 (1.0.0)
    package32974 (1.0.0)
    package32975 (1.0.0)
    package32976 (1.0.0)
    package32977 (1.0.0)
    package32978 (1.0.0)
    package32979 (1.0.0)
    package32980 (1.0.0)
    package32981 (1.0.0)
    package32982 (1.0.0)
    package32983 (1.0.0)
    package32984 (1.0.0)
    package32985 (1.0.0)
    package32986 (1.0.0)
    package32987 (1.0.0)
    package32988 (1.0.0)
    package32989 (1.0.0)
    package32990 (1.0.0)
    package32991 (1.0.0)
    package32992 (1.0.0)
    package32993 (1.0.0)
    package32994 (1.0.0)
    package32995 (1.0.0)
    package32996 (1.0.0)
    package32997 (1.0.0)
    package32998 (1.0.0)
    package32999 (1.0.0)
    package33000 (1.0.0)
    package33001 (1.0.0)
    package33002 (1.0.0)
    package33003 (1.0.0)
    package33004 (1.0.0)
    package33005 (1.0.0)
    package33006 (1.0.0)
    package33007 (1.0.0)
    package33008 (1.0.0)
    package33009 (1.0.0)
    package33010 (1.0.0)
    package33011 (1.0.0)
    package33012 (1.0.0)
    package33013 (1.0.0)
    package33014 (1.0.0)
    package33015 (1.0.0)
    package33016 (1.0.0)
    package33017 (1.0.0)
    package33018 (1.0.0)
    package33019 (1.0.0)
    package33020 (1.0.0)
    package33021 (1.0.0)
    package33022 (1.0.0)
    package33023 (1.0.0)
    package33024 (1.0.0)
    package33025 (1.0.0)
    package33026 (1.0.0)
    package33027 (1.0.0)
    package33028 (1.0.0)
    package33029 (1.0.0)
    package33030 (1.0.0)
    package33031 (1.0.0)
    package33032 (1.0.0)
    package33033 (1.0.0)
    package33034 (1.0.0)
    package33035 (1.0.0)
    package33036 (1.0.0)
    package33037 (1.0.0)
    package33038 (1.0.0)
    package33039 (1.0.0)
    package33040 (1.0.0)
    package33041 (1.0.0)
    package33042 (1.0.0)
    package33043 (1.0.0)
    package33044 (1.0.0)
    package33045 (1.0.0)
    package33046 (1.0.0)
    package33047 (1.0.0)
    package33048 (1.0.0)
    package33049 (1.0.0)
    package33050 (1.0.0)
    package33051 (1.0.0)
    package33052 (1.0.0)
    package33053 (1.0.0)
    package33054 (1.0.0)
    package33055 (1.0.0)
    package33056 (1.0.0)
    package33057 (1.0.0)
    package33058 (1.0.0)
    package33059 (1.0.0)
    package33060 (1.0.0)
    package33061 (1.0.0)
    package33062 (1.0.0)
    package33063 (1.0.0)
    package33064 (1.0.0)
    package33065 (1.0.0)
    package33066 (1.0.0)
    package33067 (1.0.0)
    package33068 (1.0.0)
    package33069 (1.0.0)
    package33070 (1.0.0)
    package33071 (1.0.0)
    package33072 (1.0.0)
    package33073 (1.0.0)
    package33074 (1.0.0)
    package33075 (1.0.0)
    package33076 (1.0.0)
    package33077 (1.0.0)
    package33078 (1.0.0)
    package33079 (1.0.0)
    package33080 (1.0.0)
    package33081 (1.0.0)
    package33082 (1.0.0)
    package33083 (1.0.0)
    package33084 (1.0.0)
    package33085 (1.0.0)
    package33086 (1.0.0)
    package33087 (1.0.0)
    package33088 (1.0.0)
    package33089 (1.0.0)
    package33090 (1.0.0)
    package33091 (1.0.0)
    package33092 (1.0.0)
    package33093 (1.0.0)
    package33094 (1.0.0)
    package33095 (1.0.0)
    package33096 (1.0.0)
    package33097 (1.0.0)
    package33098 (1.0.0)
    package33099 (1.0.0)
    package33100 (1.0.0)
    package33101 (1.0.0)
    package33102 (1.0.0)
    package33103 (1.0.0)
    package33104 (1.0.0)
    package33105 (1.0.0)
    package33106 (1.0.0)
    package33107 (1.0.0)
    package33108 (1.0.0)
    package33109 (1.0.0)
    package33110 (1.0.0)
    package33111 (1.0.0)
    package33112 (1.0.0)
    package33113 (1.0.0)
    package33114 (1.0.0)
    package33115 (1.0.0)
    package33116 (1.0.0)
    package33117 (1.0.0)
    package33118 (1.0.0)
    package33119 (1.0.0)
    package33120 (1.0.0)
    package33121 (1.0.0)
    package33122 (1.0.0)
    package33123 (1.0.0)
    package33124 (1.0.0)
    package33125 (1.0.0)
    package33126 (1.0.0)
    package33127 (1.0.0)
    package33128 (1.0.0)
    package33129 (1.0.0)
    package33130 (1.0.0)
    package33131 (1.0.0)
    package33132 (1.0.0)
    package33133 (1.0.0)
    package33134 (1.0.0)
    package33135 (1.0.0)
    package33136 (1.0.0)
    package33137 (1.0.0)
    package33138 (1.0.0)
    package33139 (1.0.0)
    package33140 (1.0.0)
    package33141 (1.0.0)
    package33142 (1.0.0)
    package33143 (1.0.0)
    package33144 (1.0.0)
    package33145 (1.0.0)
    package33146 (1.0.0)
    package33147 (1.0.0)
    package33148 (1.0.0)
    package33149 (1.0.0)
    package33150 (1.0.0)
    package33151 (1.0.0)
    package33152 (1.0.0)
    package33153 (1.0.0)
    package33154 (1.0.0)
    package33155 (1.0.0)
    package33156 (1.0.0)
    package33157 (1.0.0)
    package33158 (1.0.0)
    package33159 (1.0.0)
    package33160 (1.0.0)
    package33161 (1.0.0)
    package33162 (1.0.0)
    package33163 (1.0.0)
    package33164 (1.0.0)
    package33165 (1.0.0)
    package33166 (1.0.0)
    package33167 (1.0.0)
    package33168 (1.0.0)
    package33169 (1.0.0)
    package33170 (1.0.0)
    package33171 (1.0.0)
    package33172 (1.0.0)
    package33173 (1.0.0)
    package33174 (1.0.0)
    package33175 (1.0.0)
    package33176 (1.0.0)
    package33177 (1.0.0)
    package33178 (1.0.0)
    package33179 (1.0.0)
    package33180 (1.0.0)
    package33181 (1.0.0)
    package33182 (1.0.0)
    package33183 (1.0.0)
    package33184 (1.0.0)
    package33185 (1.0.0)
    package33186 (1.0.0)
    package33187 (1.0.0)
    package33188 (1.0.0)
    package33189 (1.0.0)
    package33190 (1.0.0)
    package33191 (1.0.0)
    package33192 (1.0.0)
    package33193 (1.0.0)
    package33194 (1.0.0)
    package33195 (1.0.0)
    package33196 (1.0.0)
    package33197 (1.0.0)
    package33198 (1.0.0)
    package33199 (1.0.0)
    package33200 (1.0.0)
    package33201 (1.0.0)
    package33202 (1.0.0)
    package33203 (1.0.0)
    package33204 (1.0.0)
    package33205 (1.0.0)
    package33206 (1.0.0)
    package33207 (1.0.0)
    package33208 (1.0.0)
    package33209 (1.0.0)
    package33210 (1.0.0)
    package33211 (1.0.0)
    package33212 (1.0.0)
    package33213 (1.0.0)
    package33214 (1.0.0)
    package33215 (1.0.0)
    package33216 (1.0.0)
    package33217 (1.0.0)
    package33218 (1.0.0)
    package33219 (1.0.0)
    package33220 (1.0.0)
    package33221 (1.0.0)
    package33222 (1.0.0)
    package33223 (1.0.0)
    package33224 (1.0.0)
    package33225 (1.0.0)
    package33226 (1.0.0)
    package33227 (1.0.0)
    package33228 (1.0.0)
    package33229 (1.0.0)
    package33230 (1.0.0)
    package33231 (1.0.0)
    package33232 (1.0.0)
    package33233 (1.0.0)
    package33234 (1.0.0)
    package33235 (1.0.0)
    package33236 (1.0.0)
    package33237 (1.0.0)
    package33238 (1.0.0)
    package33239 (1.0.0)
    package33240 (1.0.0)
    package33241 (1.0.0)
    package33242 (1.0.0)
    package33243 (1.0.0)
    package33244 (1.0.0)
    package33245 (1.0.0)
    package33246 (1.0.0)
    package33247 (1.0.0)
    package33248 (1.0.0)
    package33249 (1.0.0)
    package33250 (1.0.0)
    package33251 (1.0.0)
    package33252 (1.0.0)
    package33253 (1.0.0)
    package33254 (1.0.0)
    package33255 (1.0.0)
    package33256 (1.0.0)
    package33257 (1.0.0)
    package33258 (1.0.0)
    package33259 (1.0.0)
    package33260 (1.0.0)
    package33261 (1.0.0)
    package33262 (1.0.0)
    package33263 (1.0.0)
    package33264 (1.0.0)
    package33265 (1.0.0)
    package33266 (1.0.0)
    package33267 (1.0.0)
    package33268 (1.0.0)
    package33269 (1.0.0)
    package33270 (1.0.0)
    package33271 (1.0.0)
    package33272 (1.0.0)
    package33273 (1.0.0)
    package33274 (1.0.0)
    package33275 (1.0.0)
    package33276 (1.0.0)
    package33277 (1.0.0)
    package33278 (1.0.0)
    package33279 (1.0.0)
    package33280 (1.0.0)
    package33281 (1.0.0)
    package33282 (1.0.0)
    package33283 (1.0.0)
    package33284 (1.0.0)
    package33285 (1.0.0)
    package33286 (1.0.0)
    package33287 (1.0.0)
    package33288 (1.0.0)
    package33289 (1.0.0)
    package33290 (1.0.0)
    package33291 (1.0.0)
    package33292 (1.0.0)
    package33293 (1.0.0)
    package33294 (1.0.0)
    package33295 (1.0.0)
    package33296 (1.0.0)
    package33297 (1.0.0)
    package33298 (1.0.0)
    package33299 (1.0.0)
    package33300 (1.0.0)
    package33301 (1.0.0)
    package33302 (1.0.0)
    package33303 (1.0.0)
    package33304 (1.0.0)
    package33305 (1.0.0)
    package33306 (1.0.0)
    package33307 (1.0.0)
    package33308 (1.0.0)
    package33309 (1.0.0)
    package33310 (1.0.0)
    package33311 (1.0.0)
    package33312 (1.0.0)
    package33313 (1.0.0)
    package33314 (1.0.0)
    package33315 (1.0.0)
    package33316 (1.0.0)
    package33317 (1.0.0)
    package33318 (1.0.0)
    package33319 (1.0.0)
    package33320 (1.0.0)
    package33321 (1.0.0)
    package33322 (1.0.0)
    package33323 (1.0.0)
    package33324 (1.0.0)
    package33325 (1.0.0)
    package33326 (1.0.0)
    package33327 (1.0.0)
    package33328 (1.0.0)
    package33329 (1.0.0)
    package33330 (1.0.0)
    package33331 (1.0.0)
    package33332 (1.0.0)
    package33333 (1.0.0)
    package33334 (1.0.0)
    package33335 (1.0.0)
    package33336 (1.0.0)
    package33337 (1.0.0)
    package33338 (1.0.0)
    package33339 (1.0.0)
    package33340 (1.0.0)
    package33341 (1.0.0)
    package33342 (1.0.0)
    package33343 (1.0.0)
    package33344 (1.0.0)
    package33345 (1.0.0)
    package33346 (1.0.0)
    package33347 (1.0.0)
    package33348 (1.0.0)
    package33349 (1.0.0)
    package33350 (1.0.0)
    package33351 (1.0.0)
    package33352 (1.0.0)
    package33353 (1.0.0)
    package33354 (1.0.0)
    package33355 (1.0.0)
    package33356 (1.0.0)
    package33357 (1.0.0)
    package33358 (1.0.0)
    package33359 (1.0.0)
    package33360 (1.0.0)
    package33361 (1.0.0)
    package33362 (1.0.0)
    package33363 (1.0.0)
    package33364 (1.0.0)
    package33365 (1.0.0)
    package33366 (1.0.0)
    package33367 (1.0.0)
    package33368 (1.0.0)
    package33369 (1.0.0)
    package33370 (1.0.0)
    package33371 (1.0.0)
    package33372 (1.0.0)
    package33373 (1.0.0)
    package33374 (1.0.0)
    package33375 (1.0.0)
    package33376 (1.0.0)
    package33377 (1.0.0)
    package33378 (1.0.0)
    package33379 (1.0.0)
    package33380 (1.0.0)
    package33381 (1.0.0)
    package33382 (1.0.0)
    package33383 (1.0.0)
    package33384 (1.0.0)
    package33385 (1.0.0)
    package33386 (1.0.0)
    package33387 (1.0.0)
    package33388 (1.0.0)
    package33389 (1.0.0)
    package33390 (1.0.0)
    package33391 (1.0.0)
    package33392 (1.0.0)
    package33393 (1.0.0)
    package33394 (1.0.0)
    package33395 (1.0.0)
    package33396 (1.0.0)
    package33397 (1.0.0)
    package33398 (1.0.0)
    package33399 (1.0.0)
    package33400 (1.0.0)
    package33401 (1.0.0)
    package33402 (1.0.0)
    package33403 (1.0.0)
    package33404 (1.0.0)
    package33405 (1.0.0)
    package33406 (1.0.0)
    package33407 (1.0.0)
    package33408 (1.0.0)
    package33409 (1.0.0)
    package33410 (1.0.0)
    package33411 (1.0.0)
    package33412 (1.0.0)
    package33413 (1.0.0)
    package33414 (1.0.0)
    package33415 (1.0.0)
    package33416 (1.0.0)
    package33417 (1.0.0)
    package33418 (1.0.0)
    package33419 (1.0.0)
    package33420 (1.0.0)
    package33421 (1.0.0)
    package33422 (1.0.0)
    package33423 (1.0.0)
    package33424 (1.0.0)
    package33425 (1.0.0)
    package33426 (1.0.0)
    package33427 (1.0.0)
    package33428 (1.0.0)
    package33429 (1.0.0)
    package33430 (1.0.0)
    package33431 (1.0.0)
    package33432 (1.0.0)
    package33433 (1.0.0)
    package33434 (1.0.0)
    package33435 (1.0.0)
    package33436 (1.0.0)
    package33437 (1.0.0)
    package33438 (1.0.0)
    package33439 (1.0.0)
    package33440 (1.0.0)
    package33441 (1.0.0)
    package33442 (1.0.0)
    package33443 (1.0.0)
    package33444 (1.0.0)
    package33445 (1.0.0)
    package33446 (1.0.0)
    package33447 (1.0.0)
    package33448 (1.0.0)
    package33449 (1.0.0)
    package33450 (1.0.0)
    package33451 (1.0.0)
    package33452 (1.0.0)
    package33453 (1.0.0)
    package33454 (1.0.0)
    package33455 (1.0.0)
    package33456 (1.0.0)
    package33457 (1.0.0)
    package33458 (1.0.0)
    package33459 (1.0.0)
    package33460 (1.0.0)
    package33461 (1.0.0)
    package33462 (1.0.0)
    package33463 (1.0.0)
    package33464 (1.0.0)
    package33465 (1.0.0)
    package33466 (1.0.0)
    package33467 (1.0.0)
    package33468 (1.0.0)
    package33469 (1.0.0)
    package33470 (1.0.0)
    package33471 (1.0.0)
    package33472 (1.0.0)
    package33473 (1.0.0)
    package33474 (1.0.0)
    package33475 (1.0.0)
    package33476 (1.0.0)
    package33477 (1.0.0)
    package33478 (1.0.0)
    package33479 (1.0.0)
    package33480 (1.0.0)
    package33481 (1.0.0)
    package33482 (1.0.0)
    package33483 (1.0.0)
    package33484 (1.0.0)
    package33485 (1.0.0)
    package33486 (1.0.0)
    package33487 (1.0.0)
    package33488 (1.0.0)
    package33489 (1.0.0)
    package33490 (1.0.0)
    package33491 (1.0.0)
    package33492 (1.0.0)
    package33493 (1.0.0)
    package33494 (1.0.0)
    package33495 (1.0.0)
    package33496 (1.0.0)
    package33497 (1.0.0)
    package33498 (1.0.0)
    package33499 (1.0.0)
    package33500 (1.0.0)
    package33501 (1.0.0)
    package33502 (1.0.0)
    package33503 (1.0.0)
    package33504 (1.0.0)
    package33505 (1.0.0)
    package33506 (1.0.0)
    package33507 (1.0.0)
    package33508 (1.0.0)
    package33509 (1.0.0)
    package33510 (1.0.0)
    package33511 (1.0.0)
    package33512 (1.0.0)
    package33513 (1.0.0)
    package33514 (1.0.0)
    package33515 (1.0.0)
    package33516 (1.0.0)
    package33517 (1.0.0)
    package33518 (1.0.0)
    package33519 (1.0.0)
    package33520 (1.0.0)
    package33521 (1.0.0)
    package33522 (1.0.0)
    package33523 (1.0.0)
    package33524 (1.0.0)
    package33525 (1.0.0)
    package33526 (1.0.0)
    package33527 (1.0.0)
    package33528 (1.0.0)
    package33529 (1.0.0)
    package33530 (1.0.0)
    package33531 (1.0.0)
    package33532 (1.0.0)
    package33533 (1.0.0)
    package33534 (1.0.0)
    package33535 (1.0.0)
    package33536 (1.0.0)
    package33537 (1.0.0)
    package33538 (1.0.0)
    package33539 (1.0.0)
    package33540 (1.0.0)
    package33541 (1.0.0)
    package33542 (1.0.0)
    package33543 (1.0.0)
    package33544 (1.0.0)
    package33545 (1.0.0)
    package33546 (1.0.0)
    package33547 (1.0.0)
    package33548 (1.0.0)
    package33549 (1.0.0)
    package33550 (1.0.0)
    package33551 (1.0.0)
    package33552 (1.0.0)
    package33553 (1.0.0)
    package33554 (1.0.0)
    package33555 (1.0.0)
    package33556 (1.0.0)
    package33557 (1.0.0)
    package33558 (1.0.0)
    package33559 (1.0.0)
    package33560 (1.0.0)
    package33561 (1.0.0)
    package33562 (1.0.0)
    package33563 (1.0.0)
    package33564 (1.0.0)
    package33565 (1.0.0)
    package33566 (1.0.0)
    package33567 (1.0.0)
    package33568 (1.0.0)
    package33569 (1.0.0)
    package33570 (1.0.0)
    package33571 (1.0.0)
    package33572 (1.0.0)
    package33573 (1.0.0)
    package33574 (1.0.0)
    package33575 (1.0.0)
    package33576 (1.0.0)
    package33577 (1.0.0)
    package33578 (1.0.0)
    package33579 (1.0.0)
    package33580 (1.0.0)
    package33581 (1.0.0)
    package33582 (1.0.0)
    package33583 (1.0.0)
    package33584 (1.0.0)
    package33585 (1.0.0)
    package33586 (1.0.0)
    package33587 (1.0.0)
    package33588 (1.0.0)
    package33589 (1.0.0)
    package33590 (1.0.0)
    package33591 (1.0.0)
    package33592 (1.0.0)
    package33593 (1.0.0)
    package33594 (1.0.0)
    package33595 (1.0.0)
    package33596 (1.0.0)
    package33597 (1.0.0)
    package33598 (1.0.0)
    package33599 (1.0.0)
    package33600 (1.0.0)
    package33601 (1.0.0)
    package33602 (1.0.0)
    package33603 (1.0.0)
    package33604 (1.0.0)
    package33605 (1.0.0)
    package33606 (1.0.0)
    package33607 (1.0.0)
    package33608 (1.0.0)
    package33609 (1.0.0)
    package33610 (1.0.0)
    package33611 (1.0.0)
    package33612 (1.0.0)
    package33613 (1.0.0)
    package33614 (1.0.0)
    package33615 (1.0.0)
    package33616 (1.0.0)
    package33617 (1.0.0)
    package33618 (1.0.0)
    package33619 (1.0.0)
    package33620 (1.0.0)
    package33621 (1.0.0)
    package33622 (1.0.0)
    package33623 (1.0.0)
    package33624 (1.0.0)
    package33625 (1.0.0)
    package33626 (1.0.0)
    package33627 (1.0.0)
    package33628 (1.0.0)
    package33629 (1.0.0)
    package33630 (1.0.0)
    package33631 (1.0.0)
    package33632 (1.0.0)
    package33633 (1.0.0)
    package33634 (1.0.0)
    package33635 (1.0.0)
    package33636 (1.0.0)
    package33637 (1.0.0)
    package33638 (1.0.0)
    package33639 (1.0.0)
    package33640 (1.0.0)
    package33641 (1.0.0)
    package33642 (1.0.0)
    package33643 (1.0.0)
    package33644 (1.0.0)
    package33645 (1.0.0)
    package33646 (1.0.0)
    package33647 (1.0.0)
    package33648 (1.0.0)
    package33649 (1.0.0)
    package33650 (1.0.0)
    package33651 (1.0.0)
    package33652 (1.0.0)
    package33653 (1.0.0)
    package33654 (1.0.0)
    package33655 (1.0.0)
    package33656 (1.0.0)
    package33657 (1.0.0)
    package33658 (1.0.0)
    package33659 (1.0.0)
    package33660 (1.0.0)
    package33661 (1.0.0)
    package33662 (1.0.0)
    package33663 (1.0.0)
    package33664 (1.0.0)
    package33665 (1.0.0)
    package33666 (1.0.0)
    package33667 (1.0.0)
    package33668 (1.0.0)
    package33669 (1.0.0)
    package33670 (1.0.0)
    package33671 (1.0.0)
    package33672 (1.0.0)
    package33673 (1.0.0)
    package33674 (1.0.0)
    package33675 (1.0.0)
    package33676 (1.0.0)
    package33677 (1.0.0)
    package33678 (1.0.0)
    package33679 (1.0.0)
    package33680 (1.0.0)
    package33681 (1.0.0)
    package33682 (1.0.0)
    package33683 (1.0.0)
    package33684 (1.0.0)
    package33685 (1.0.0)
    package33686 (1.0.0)
    package33687 (1.0.0)
    package33688 (1.0.0)
    package33689 (1.0.0)
    package33690 (1.0.0)
    package33691 (1.0.0)
    package33692 (1.0.0)
    package33693 (1.0.0)
    package33694 (1.0.0)
    package33695 (1.0.0)
    package33696 (1.0.0)
    package33697 (1.0.0)
    package33698 (1.0.0)
    package33699 (1.0.0)
    package33700 (1.0.0)
    package33701 (1.0.0)
    package33702 (1.0.0)
    package33703 (1.0.0)
    package33704 (1.0.0)
    package33705 (1.0.0)
    package33706 (1.0.0)
    package33707 (1.0.0)
    package33708 (1.0.0)
    package33709 (1.0.0)
    package33710 (1.0.0)
    package33711 (1.0.0)
    package33712 (1.0.0)
    package33713 (1.0.0)
    package33714 (1.0.0)
    package33715 (1.0.0)
    package33716 (1.0.0)
    package33717 (1.0.0)
    package33718 (1.0.0)
    package33719 (1.0.0)
    package33720 (1.0.0)
    package33721 (1.0.0)
    package33722 (1.0.0)
    package33723 (1.0.0)
    package33724 (1.0.0)
    package33725 (1.0.0)
    package33726 (1.0.0)
    package33727 (1.0.0)
    package33728 (1.0.0)
    package33729 (1.0.0)
    package33730 (1.0.0)
    package33731 (1.0.0)
    package33732 (1.0.0)
    package33733 (1.0.0)
    package33734 (1.0.0)
    package33735 (1.0.0)
    package33736 (1.0.0)
    package33737 (1.0.0)
    package33738 (1.0.0)
    package33739 (1.0.0)
    package33740 (1.0.0)
    package33741 (1.0.0)
    package33742 (1.0.0)
    package33743 (1.0.0)
    package33744 (1.0.0)
    package33745 (1.0.0)
    package33746 (1.0.0)
    package33747 (1.0.0)
    package33748 (1.0.0)
    package33749 (1.0.0)
    package33750 (1.0.0)
    package33751 (1.0.0)
    package33752 (1.0.0)
    package33753 (1.0.0)
    package33754 (1.0.0)
    package33755 (1.0.0)
    package33756 (1.0.0)
    package33757 (1.0.0)
    package33758 (1.0.0)
    package33759 (1.0.0)
    package33760 (1.0.0)
    package33761 (1.0.0)
    package33762 (1.0.0)
    package33763 (1.0.0)
    package33764 (1.0.0)
    package33765 (1.0.0)
    package33766 (1.0.0)
    package33767 (1.0.0)
    package33768 (1.0.0)
    package33769 (1.0.0)
    package33770 (1.0.0)
    package33771 (1.0.0)
    package33772 (1.0.0)
    package33773 (1.0.0)
    package33774 (1.0.0)
    package33775 (1.0.0)
    package33776 (1.0.0)
    package33777 (1.0.0)
    package33778 (1.0.0)
    package33779 (1.0.0)
    package33780 (1.0.0)
    package33781 (1.0.0)
    package33782 (1.0.0)
    package33783 (1.0.0)
    package33784 (1.0.0)
    package33785 (1.0.0)
    package33786 (1.0.0)
    package33787 (1.0.0)
    package33788 (1.0.0)
    package33789 (1.0.0)
    package33790 (1.0.0)
    package33791 (1.0.0)
    package33792 (1.0.0)
    package33793 (1.0.0)
    package33794 (1.0.0)
    package33795 (1.0.0)
    package33796 (1.0.0)
    package33797 (1.0.0)
    package33798 (1.0.0)
    package33799 (1.0.0)
    package33800 (1.0.0)
    package33801 (1.0.0)
    package33802 (1.0.0)
    package33803 (1.0.0)
    package33804 (1.0.0)
    package33805 (1.0.0)
    package33806 (1.0.0)
    package33807 (1.0.0)
    package33808 (1.0.0)
    package33809 (1.0.0)
    package33810 (1.0.0)
    package33811 (1.0.0)
    package33812 (1.0.0)
    package33813 (1.0.0)
    package33814 (1.0.0)
    package33815 (1.0.0)
    package33816 (1.0.0)
    package33817 (1.0.0)
    package33818 (1.0.0)
    package33819 (1.0.0)
    package33820 (1.0.0)
    package33821 (1.0.0)
    package33822 (1.0.0)
    package33823 (1.0.0)
    package33824 (1.0.0)
    package33825 (1.0.0)
    package33826 (1.0.0)
    package33827 (1.0.0)
    package33828 (1.0.0)
    package33829 (1.0.0)
    package33830 (1.0.0)
    package33831 (1.0.0)
    package33832 (1.0.0)
    package33833 (1.0.0)
    package33834 (1.0.0)
    package33835 (1.0.0)
    package33836 (1.0.0)
    package33837 (1.0.0)
    package33838 (1.0.0)
    package33839 (1.0.0)
    package33840 (1.0.0)
    package33841 (1.0.0)
    package33842 (1.0.0)
    package33843 (1.0.0)
    package33844 (1.0.0)
    package33845 (1.0.0)
    package33846 (1.0.0)
    package33847 (1.0.0)
    package33848 (1.0.0)
    package33849 (1.0.0)
    package33850 (1.0.0)
    package33851 (1.0.0)
    package33852 (1.0.0)
    package33853 (1.0.0)
    package33854 (1.0.0)
    package33855 (1.0.0)
    package33856 (1.0.0)
    package33857 (1.0.0)
    package33858 (1.0.0)
    package33859 (1.0.0)
    package33860 (1.0.0)
    package33861 (1.0.0)
    package33862 (1.0.0)
    package33863 (1.0.0)
    package33864 (1.0.0)
    package33865 (1.0.0)
    package33866 (1.0.0)
    package33867 (1.0.0)
    package33868 (1.0.0)
    package33869 (1.0.0)
    package33870 (1.0.0)
    package33871 (1.0.0)
    package33872 (1.0.0)
    package33873 (1.0.0)
    package33874 (1.0.0)
    package33875 (1.0.0)
    package33876 (1.0.0)
    package33877 (1.0.0)
    package33878 (1.0.0)
    package33879 (1.0.0)
    package33880 (1.0.0)
    package33881 (1.0.0)
    package33882 (1.0.0)
    package33883 (1.0.0)
    package33884 (1.0.0)
    package33885 (1.0.0)
    package33886 (1.0.0)
    package33887 (1.0.0)
    package33888 (1.0.0)
    package33889 (1.0.0)
    package33890 (1.0.0)
    package33891 (1.0.0)
    package33892 (1.0.0)
    package33893 (1.0.0)
    package33894 (1.0.0)
    package33895 (1.0.0)
    package33896 (1.0.0)
    package33897 (1.0.0)
    package33898 (1.0.0)
    package33899 (1.0.0)
    package33900 (1.0.0)
    package33901 (1.0.0)
    package33902 (1.0.0)
    package33903 (1.0.0)
    package33904 (1.0.0)
    package33905 (1.0.0)
    package33906 (1.0.0)
    package33907 (1.0.0)
    package33908 (1.0.0)
    package33909 (1.0.0)
    package33910 (1.0.0)
    package33911 (1.0.0)
    package33912 (1.0.0)
    package33913 (1.0.0)
    package33914 (1.0.0)
    package33915 (1.0.0)
    package33916 (1.0.0)
    package33917 (1.0.0)
    package33918 (1.0.0)
    package33919 (1.0.0)
    package33920 (1.0.0)
    package33921 (1.0.0)
    package33922 (1.0.0)
    package33923 (1.0.0)
    package33924 (1.0.0)
    package33925 (1.0.0)
    package33926 (1.0.0)
    package33927 (1.0.0)
    package33928 (1.0.0)
    package33929 (1.0.0)
    package33930 (1.0.0)
    package33931 (1.0.0)
    package33932 (1.0.0)
    package33933 (1.0.0)
    package33934 (1.0.0)
    package33935 (1.0.0)
    package33936 (1.0.0)
    package33937 (1.0.0)
    package33938 (1.0.0)
    package33939 (1.0.0)
    package33940 (1.0.0)
    package33941 (1.0.0)
    package33942 (1.0.0)
    package33943 (1.0.0)
    package33944 (1.0.0)
    package33945 (1.0.0)
    package33946 (1.0.0)
    package33947 (1.0.0)
    package33948 (1.0.0)
    package33949 (1.0.0)
    package33950 (1.0.0)
    package33951 (1.0.0)
    package33952 (1.0.0)
    package33953 (1.0.0)
    package33954 (1.0.0)
    package33955 (1.0.0)
    package33956 (1.0.0)
    package33957 (1.0.0)
    package33958 (1.0.0)
    package33959 (1.0.0)
    package33960 (1.0.0)
    package33961 (1.0.0)
    package33962 (1.0.0)
    package33963 (1.0.0)
    package33964 (1.0.0)
    package33965 (1.0.0)
    package33966 (1.0.0)
    package33967 (1.0.0)
    package33968 (1.0.0)
    package33969 (1.0.0)
    package33970 (1.0.0)
    package33971 (1.0.0)
    package33972 (1.0.0)
    package33973 (1.0.0)
    package33974 (1.0.0)
    package33975 (1.0.0)
    package33976 (1.0.0)
    package33977 (1.0.0)
    package33978 (1.0.0)
    package33979 (1.0.0)
    package33980 (1.0.0)
    package33981 (1.0.0)
    package33982 (1.0.0)
    package33983 (1.0.0)
    package33984 (1.0.0)
    package33985 (1.0.0)
    package33986 (1.0.0)
    package33987 (1.0.0)
    package33988 (1.0.0)
    package33989 (1.0.0)
    package33990 (1.0.0)
    package33991 (1.0.0)
    package33992 (1.0.0)
    package33993 (1.0.0)
    package33994 (1.0.0)
    package33995 (1.0.0)
    package33996 (1.0.0)
    package33997 (1.0.0)
    package33998 (1.0.0)
    package33999 (1.0.0)
    package34000 (1.0.0)
    package34001 (1.0.0)
    package34002 (1.0.0)
    package34003 (1.0.0)
    package34004 (1.0.0)
    package34005 (1.0.0)
    package34006 (1.0.0)
    package34007 (1.0.0)
    package34008 (1.0.0)
    package34009 (1.0.0)
    package34010 (1.0.0)
    package34011 (1.0.0)
    package34012 (1.0.0)
    package34013 (1.0.0)
    package34014 (1.0.0)
    package34015 (1.0.0)
    package34016 (1.0.0)
    package34017 (1.0.0)
    package34018 (1.0.0)
    package34019 (1.0.0)
    package34020 (1.0.0)
    package34021 (1.0.0)
    package34022 (1.0.0)
    package34023 (1.0.0)
    package34024 (1.0.0)
    package34025 (1.0.0)
    package34026 (1.0.0)
    package34027 (1.0.0)
    package34028 (1.0.0)
    package34029 (1.0.0)
    package34030 (1.0.0)
    package34031 (1.0.0)
    package34032 (1.0.0)
    package34033 (1.0.0)
    package34034 (1.0.0)
    package34035 (1.0.0)
    package34036 (1.0.0)
    package34037 (1.0.0)
    package34038 (1.0.0)
    package34039 (1.0.0)
    package34040 (1.0.0)
    package34041 (1.0.0)
    package34042 (1.0.0)
    package34043 (1.0.0)
    package34044 (1.0.0)
    package34045 (1.0.0)
    package34046 (1.0.0)
    package34047 (1.0.0)
    package34048 (1.0.0)
    package34049 (1.0.0)
    package34050 (1.0.0)
    package34051 (1.0.0)
    package34052 (1.0.0)
    package34053 (1.0.0)
    package34054 (1.0.0)
    package34055 (1.0.0)
    package34056 (1.0.0)
    package34057 (1.0.0)
    package34058 (1.0.0)
    package34059 (1.0.0)
    package34060 (1.0.0)
    package34061 (1.0.0)
    package34062 (1.0.0)
    package34063 (1.0.0)
    package34064 (1.0.0)
    package34065 (1.0.0)
    package34066 (1.0.0)
    package34067 (1.0.0)
    package34068 (1.0.0)
    package34069 (1.0.0)
    package34070 (1.0.0)
    package34071 (1.0.0)
    package34072 (1.0.0)
    package34073 (1.0.0)
    package34074 (1.0.0)
    package34075 (1.0.0)
    package34076 (1.0.0)
    package34077 (1.0.0)
    package34078 (1.0.0)
    package34079 (1.0.0)
    package34080 (1.0.0)
    package34081 (1.0.0)
    package34082 (1.0.0)
    package34083 (1.0.0)
    package34084 (1.0.0)
    package34085 (1.0.0)
    package34086 (1.0.0)
    package34087 (1.0.0)
    package34088 (1.0.0)
    package34089 (1.0.0)
    package34090 (1.0.0)
    package34091 (1.0.0)
    package34092 (1.0.0)
    package34093 (1.0.0)
    package34094 (1.0.0)
    package34095 (1.0.0)
    package34096 (1.0.0)
    package34097 (1.0.0)
    package34098 (1.0.0)
    package34099 (1.0.0)
    package34100 (1.0.0)
    package34101 (1.0.0)
    package34102 (1.0.0)
    package34103 (1.0.0)
    package34104 (1.0.0)
    package34105 (1.0.0)
    package34106 (1.0.0)
    package34107 (1.0.0)
    package34108 (1.0.0)
    package34109 (1.0.0)
    package34110 (1.0.0)
    package34111 (1.0.0)
    package34112 (1.0.0)
    package34113 (1.0.0)
    package34114 (1.0.0)
    package34115 (1.0.0)
    package34116 (1.0.0)
    package34117 (1.0.0)
    package34118 (1.0.0)
    package34119 (1.0.0)
    package34120 (1.0.0)
    package34121 (1.0.0)
    package34122 (1.0.0)
    package34123 (1.0.0)
    package34124 (1.0.0)
    package34125 (1.0.0)
    package34126 (1.0.0)
    package34127 (1.0.0)
    package34128 (1.0.0)
    package34129 (1.0.0)
    package34130 (1.0.0)
    package34131 (1.0.0)
    package34132 (1.0.0)
    package34133 (1.0.0)
    package34134 (1.0.0)
    package34135 (1.0.0)
    package34136 (1.0.0)
    package34137 (1.0.0)
    package34138 (1.0.0)
    package34139 (1.0.0)
    package34140 (1.0.0)
    package34141 (1.0.0)
    package34142 (1.0.0)
    package34143 (1.0.0)
    package34144 (1.0.0)
    package34145 (1.0.0)
    package34146 (1.0.0)
    package34147 (1.0.0)
    package34148 (1.0.0)
    package34149 (1.0.0)
    package34150 (1.0.0)
    package34151 (1.0.0)
    package34152 (1.0.0)
    package34153 (1.0.0)
    package34154 (1.0.0)
    package34155 (1.0.0)
    package34156 (1.0.0)
    package34157 (1.0.0)
    package34158 (1.0.0)
    package34159 (1.0.0)
    package34160 (1.0.0)
    package34161 (1.0.0)
    package34162 (1.0.0)
    package34163 (1.0.0)
    package34164 (1.0.0)
    package34165 (1.0.0)
    package34166 (1.0.0)
    package34167 (1.0.0)
    package34168 (1.0.0)
    package34169 (1.0.0)
    package34170 (1.0.0)
    package34171 (1.0.0)
    package34172 (1.0.0)
    package34173 (1.0.0)
    package34174 (1.0.0)
    package34175 (1.0.0)
    package34176 (1.0.0)
    package34177 (1.0.0)
    package34178 (1.0.0)
    package34179 (1.0.0)
    package34180 (1.0.0)
    package34181 (1.0.0)
    package34182 (1.0.0)
    package34183 (1.0.0)
    package34184 (1.0.0)
    package34185 (1.0.0)
    package34186 (1.0.0)
    package34187 (1.0.0)
    package34188 (1.0.0)
    package34189 (1.0.0)
    package34190 (1.0.0)
    package34191 (1.0.0)
    package34192 (1.0.0)
    package34193 (1.0.0)
    package34194 (1.0.0)
    package34195 (1.0.0)
    package34196 (1.0.0)
    package34197 (1.0.0)
    package34198 (1.0.0)
    package34199 (1.0.0)
    package34200 (1.0.0)
    package34201 (1.0.0)
    package34202 (1.0.0)
    package34203 (1.0.0)
    package34204 (1.0.0)
    package34205 (1.0.0)
    package34206 (1.0.0)
    package34207 (1.0.0)
    package34208 (1.0.0)
    package34209 (1.0.0)
    package34210 (1.0.0)
    package34211 (1.0.0)
    package34212 (1.0.0)
    package34213 (1.0.0)
    package34214 (1.0.0)
    package34215 (1.0.0)
    package34216 (1.0.0)
    package34217 (1.0.0)
    package34218 (1.0.0)
    package34219 (1.0.0)
    package34220 (1.0.0)
    package34221 (1.0.0)
    package34222 (1.0.0)
    package34223 (1.0.0)
    package34224 (1.0.0)
    package34225 (1.0.0)
    package34226 (1.0.0)
    package34227 (1.0.0)
    package34228 (1.0.0)
    package34229 (1.0.0)
    package34230 (1.0.0)
    package34231 (1.0.0)
    package34232 (1.0.0)
    package34233 (1.0.0)
    package34234 (1.0.0)
    package34235 (1.0.0)
    package34236 (1.0.0)
    package34237 (1.0.0)
    package34238 (1.0.0)
    package34239 (1.0.0)
    package34240 (1.0.0)
    package34241 (1.0.0)
    package34242 (1.0.0)
    package34243 (1.0.0)
    package34244 (1.0.0)
    package34245 (1.0.0)
    package34246 (1.0.0)
    package34247 (1.0.0)
    package34248 (1.0.0)
    package34249 (1.0.0)
    package34250 (1.0.0)
    package34251 (1.0.0)
    package34252 (1.0.0)
    package34253 (1.0.0)
    package34254 (1.0.0)
    package34255 (1.0.0)
    package34256 (1.0.0)
    package34257 (1.0.0)
    package34258 (1.0.0)
    package34259 (1.0.0)
    package34260 (1.0.0)
    package34261 (1.0.0)
    package34262 (1.0.0)
    package34263 (1.0.0)
    package34264 (1.0.0)
    package34265 (1.0.0)
    package34266 (1.0.0)
    package34267 (1.0.0)
    package34268 (1.0.0)
    package34269 (1.0.0)
    package34270 (1.0.0)
    package34271 (1.0.0)
    package34272 (1.0.0)
    package34273 (1.0.0)
    package34274 (1.0.0)
    package34275 (1.0.0)
    package34276 (1.0.0)
    package34277 (1.0.0)
    package34278 (1.0.0)
    package34279 (1.0.0)
    package34280 (1.0.0)
    package34281 (1.0.0)
    package34282 (1.0.0)
    package34283 (1.0.0)
    package34284 (1.0.0)
    package34285 (1.0.0)
    package34286 (1.0.0)
    package34287 (1.0.0)
    package34288 (1.0.0)
    package34289 (1.0.0)
    package34290 (1.0.0)
    package34291 (1.0.0)
    package34292 (1.0.0)
    package34293 (1.0.0)
    package34294 (1.0.0)
    package34295 (1.0.0)
    package34296 (1.0.0)
    package34297 (1.0.0)
    package34298 (1.0.0)
    package34299 (1.0.0)
    package34300 (1.0.0)
    package34301 (1.0.0)
    package34302 (1.0.0)
    package34303 (1.0.0)
    package34304 (1.0.0)
    package34305 (1.0.0)
    package34306 (1.0.0)
    package34307 (1.0.0)
    package34308 (1.0.0)
    package34309 (1.0.0)
    package34310 (1.0.0)
    package34311 (1.0.0)
    package34312 (1.0.0)
    package34313 (1.0.0)
    package34314 (1.0.0)
    package34315 (1.0.0)
    package34316 (1.0.0)
    package34317 (1.0.0)
    package34318 (1.0.0)
    package34319 (1.0.0)
    package34320 (1.0.0)
    package34321 (1.0.0)
    package34322 (1.0.0)
    package34323 (1.0.0)
    package34324 (1.0.0)
    package34325 (1.0.0)
    package34326 (1.0.0)
    package34327 (1.0.0)
    package34328 (1.0.0)
    package34329 (1.0.0)
    package34330 (1.0.0)
    package34331 (1.0.0)
    package34332 (1.0.0)
    package34333 (1.0.0)
    package34334 (1.0.0)
    package34335 (1.0.0)
    package34336 (1.0.0)
    package34337 (1.0.0)
    package34338 (1.0.0)
    package34339 (1.0.0)
    package34340 (1.0.0)
    package34341 (1.0.0)
    package34342 (1.0.0)
    package34343 (1.0.0)
    package34344 (1.0.0)
    package34345 (1.0.0)
    package34346 (1.0.0)
    package34347 (1.0.0)
    package34348 (1.0.0)
    package34349 (1.0.0)
    package34350 (1.0.0)
    package34351 (1.0.0)
    package34352 (1.0.0)
    package34353 (1.0.0)
    package34354 (1.0.0)
    package34355 (1.0.0)
    package34356 (1.0.0)
    package34357 (1.0.0)
    package34358 (1.0.0)
    package34359 (1.0.0)
    package34360 (1.0.0)
    package34361 (1.0.0)
    package34362 (1.0.0)
    package34363 (1.0.0)
    package34364 (1.0.0)
    package34365 (1.0.0)
    package34366 (1.0.0)
    package34367 (1.0.0)
    package34368 (1.0.0)
    package34369 (1.0.0)
    package34370 (1.0.0)
    package34371 (1.0.0)
    package34372 (1.0.0)
    package34373 (1.0.0)
    package34374 (1.0.0)
    package34375 (1.0.0)
    package34376 (1.0.0)
    package34377 (1.0.0)
    package34378 (1.0.0)
    package34379 (1.0.0)
    package34380 (1.0.0)
    package34381 (1.0.0)
    package34382 (1.0.0)
    package34383 (1.0.0)
    package34384 (1.0.0)
    package34385 (1.0.0)
    package34386 (1.0.0)
    package34387 (1.0.0)
    package34388 (1.0.0)
    package34389 (1.0.0)
    package34390 (1.0.0)
    package34391 (1.0.0)
    package34392 (1.0.0)
    package34393 (1.0.0)
    package34394 (1.0.0)
    package34395 (1.0.0)
    package34396 (1.0.0)
    package34397 (1.0.0)
    package34398 (1.0.0)
    package34399 (1.0.0)
    package34400 (1.0.0)
    package34401 (1.0.0)
    package34402 (1.0.0)
    package34403 (1.0.0)
    package34404 (1.0.0)
    package34405 (1.0.0)
    package34406 (1.0.0)
    package34407 (1.0.0)
    package34408 (1.0.0)
    package34409 (1.0.0)
    package34410 (1.0.0)
    package34411 (1.0.0)
    package34412 (1.0.0)
    package34413 (1.0.0)
    package34414 (1.0.0)
    package34415 (1.0.0)
    package34416 (1.0.0)
    package34417 (1.0.0)
    package34418 (1.0.0)
    package34419 (1.0.0)
    package34420 (1.0.0)
    package34421 (1.0.0)
    package34422 (1.0.0)
    package34423 (1.0.0)
    package34424 (1.0.0)
    package34425 (1.0.0)
    package34426 (1.0.0)
    package34427 (1.0.0)
    package34428 (1.0.0)
    package34429 (1.0.0)
    package34430 (1.0.0)
    package34431 (1.0.0)
    package34432 (1.0.0)
    package34433 (1.0.0)
    package34434 (1.0.0)
    package34435 (1.0.0)
    package34436 (1.0.0)
    package34437 (1.0.0)
    package34438 (1.0.0)
    package34439 (1.0.0)
    package34440 (1.0.0)
    package34441 (1.0.0)
    package34442 (1.0.0)
    package34443 (1.0.0)
    package34444 (1.0.0)
    package34445 (1.0.0)
    package34446 (1.0.0)
    package34447 (1.0.0)
    package34448 (1.0.0)
    package34449 (1.0.0)
    package34450 (1.0.0)
    package34451 (1.0.0)
    package34452 (1.0.0)
    package34453 (1.0.0)
    package34454 (1.0.0)
    package34455 (1.0.0)
    package34456 (1.0.0)
    package34457 (1.0.0)
    package34458 (1.0.0)
    package34459 (1.0.0)
    package34460 (1.0.0)
    package34461 (1.0.0)
    package34462 (1.0.0)
    package34463 (1.0.0)
    package34464 (1.0.0)
    package34465 (1.0.0)
    package34466 (1.0.0)
    package34467 (1.0.0)
    package34468 (1.0.0)
    package34469 (1.0.0)
    package34470 (1.0.0)
    package34471 (1.0.0)
    package34472 (1.0.0)
    package34473 (1.0.0)
    package34474 (1.0.0)
    package34475 (1.0.0)
    package34476 (1.0.0)
    package34477 (1.0.0)
    package34478 (1.0.0)
    package34479 (1.0.0)
    package34480 (1.0.0)
    package34481 (1.0.0)
    package34482 (1.0.0)
    package34483 (1.0.0)
    package34484 (1.0.0)
    package34485 (1.0.0)
    package34486 (1.0.0)
    package34487 (1.0.0)
    package34488 (1.0.0)
    package34489 (1.0.0)
    package34490 (1.0.0)
    package34491 (1.0.0)
    package34492 (1.0.0)
    package34493 (1.0.0)
    package34494 (1.0.0)
    package34495 (1.0.0)
    package34496 (1.0.0)
    package34497 (1.0.0)
    package34498 (1.0.0)
    package34499 (1.0.0)
    package34500 (1.0.0)
    package34501 (1.0.0)
    package34502 (1.0.0)
    package34503 (1.0.0)
    package34504 (1.0.0)
    package34505 (1.0.0)
    package34506 (1.0.0)
    package34507 (1.0.0)
    package34508 (1.0.0)
    package34509 (1.0.0)
    package34510 (1.0.0)
    package34511 (1.0.0)
    package34512 (1.0.0)
    package34513 (1.0.0)
    package34514 (1.0.0)
    package34515 (1.0.0)
    package34516 (1.0.0)
    package34517 (1.0.0)
    package34518 (1.0.0)
    package34519 (1.0.0)
    package34520 (1.0.0)
    package34521 (1.0.0)
    package34522 (1.0.0)
    package34523 (1.0.0)
    package34524 (1.0.0)
    package34525 (1.0.0)
    package34526 (1.0.0)
    package34527 (1.0.0)
    package34528 (1.0.0)
    package34529 (1.0.0)
    package34530 (1.0.0)
    package34531 (1.0.0)
    package34532 (1.0.0)
    package34533 (1.0.0)
    package34534 (1.0.0)
    package34535 (1.0.0)
    package34536 (1.0.0)
    package34537 (1.0.0)
    package34538 (1.0.0)
    package34539 (1.0.0)
    package34540 (1.0.0)
    package34541 (1.0.0)
    package34542 (1.0.0)
    package34543 (1.0.0)
    package34544 (1.0.0)
    package34545 (1.0.0)
    package34546 (1.0.0)
    package34547 (1.0.0)
    package34548 (1.0.0)
    package34549 (1.0.0)
    package34550 (1.0.0)
    package34551 (1.0.0)
    package34552 (1.0.0)
    package34553 (1.0.0)
    package34554 (1.0.0)
    package34555 (1.0.0)
    package34556 (1.0.0)
    package34557 (1.0.0)
    package34558 (1.0.0)
    package34559 (1.0.0)
    package34560 (1.0.0)
    package34561 (1.0.0)
    package34562 (1.0.0)
    package34563 (1.0.0)
    package34564 (1.0.0)
    package34565 (1.0.0)
    package34566 (1.0.0)
    package34567 (1.0.0)
    package34568 (1.0.0)
    package34569 (1.0.0)
    package34570 (1.0.0)
    package34571 (1.0.0)
    package34572 (1.0.0)
    package34573 (1.0.0)
    package34574 (1.0.0)
    package34575 (1.0.0)
    package34576 (1.0.0)
    package34577 (1.0.0)
    package34578 (1.0.0)
    package34579 (1.0.0)
    package34580 (1.0.0)
    package34581 (1.0.0)
    package34582 (1.0.0)
    package34583 (1.0.0)
    package34584 (1.0.0)
    package34585 (1.0.0)
    package34586 (1.0.0)
    package34587 (1.0.0)
    package34588 (1.0.0)
    package34589 (1.0.0)
    package34590 (1.0.0)
    package34591 (1.0.0)
    package34592 (1.0.0)
    package34593 (1.0.0)
    package34594 (1.0.0)
    package34595 (1.0.0)
    package34596 (1.0.0)
    package34597 (1.0.0)
    package34598 (1.0.0)
    package34599 (1.0.0)
    package34600 (1.0.0)
    package34601 (1.0.0)
    package34602 (1.0.0)
    package34603 (1.0.0)
    package34604 (1.0.0)
    package34605 (1.0.0)
    package34606 (1.0.0)
    package34607 (1.0.0)
    package34608 (1.0.0)
    package34609 (1.0.0)
    package34610 (1.0.0)
    package34611 (1.0.0)
    package34612 (1.0.0)
    package34613 (1.0.0)
    package34614 (1.0.0)
    package34615 (1.0.0)
    package34616 (1.0.0)
    package34617 (1.0.0)
    package34618 (1.0.0)
    package34619 (1.0.0)
    package34620 (1.0.0)
    package34621 (1.0.0)
    package34622 (1.0.0)
    package34623 (1.0.0)
    package34624 (1.0.0)
    package34625 (1.0.0)
    package34626 (1.0.0)
    package34627 (1.0.0)
    package34628 (1.0.0)
    package34629 (1.0.0)
    package34630 (1.0.0)
    package34631 (1.0.0)
    package34632 (1.0.0)
    package34633 (1.0.0)
    package34634 (1.0.0)
    package34635 (1.0.0)
    package34636 (1.0.0)
    package34637 (1.0.0)
    package34638 (1.0.0)
    package34639 (1.0.0)
    package34640 (1.0.0)
    package34641 (1.0.0)
    package34642 (1.0.0)
    package34643 (1.0.0)
    package34644 (1.0.0)
    package34645 (1.0.0)
    package34646 (1.0.0)
    package34647 (1.0.0)
    package34648 (1.0.0)
    package34649 (1.0.0)
    package34650 (1.0.0)
    package34651 (1.0.0)
    package34652 (1.0.0)
    package34653 (1.0.0)
    package34654 (1.0.0)
    package34655 (1.0.0)
    package34656 (1.0.0)
    package34657 (1.0.0)
    package34658 (1.0.0)
    package34659 (1.0.0)
    package34660 (1.0.0)
    package34661 (1.0.0)
    package34662 (1.0.0)
    package34663 (1.0.0)
    package34664 (1.0.0)
    package34665 (1.0.0)
    package34666 (1.0.0)
    package34667 (1.0.0)
    package34668 (1.0.0)
    package34669 (1.0.0)
    package34670 (1.0.0)
    package34671 (1.0.0)
    package34672 (1.0.0)
    package34673 (1.0.0)
    package34674 (1.0.0)
    package34675 (1.0.0)
    package34676 (1.0.0)
    package34677 (1.0.0)
    package34678 (1.0.0)
    package34679 (1.0.0)
    package34680 (1.0.0)
    package34681 (1.0.0)
    package34682 (1.0.0)
    package34683 (1.0.0)
    package34684 (1.0.0)
    package34685 (1.0.0)
    package34686 (1.0.0)
    package34687 (1.0.0)
    package34688 (1.0.0)
    package34689 (1.0.0)
    package34690 (1.0.0)
    package34691 (1.0.0)
    package34692 (1.0.0)
    package34693 (1.0.0)
    package34694 (1.0.0)
    package34695 (1.0.0)
    package34696 (1.0.0)
    package34697 (1.0.0)
    package34698 (1.0.0)
    package34699 (1.0.0)
    package34700 (1.0.0)
    package34701 (1.0.0)
    package34702 (1.0.0)
    package34703 (1.0.0)
    package34704 (1.0.0)
    package34705 (1.0.0)
    package34706 (1.0.0)
    package34707 (1.0.0)
    package34708 (1.0.0)
    package34709 (1.0.0)
    package34710 (1.0.0)
    package34711 (1.0.0)
    package34712 (1.0.0)
    package34713 (1.0.0)
    package34714 (1.0.0)
    package34715 (1.0.0)
    package34716 (1.0.0)
    package34717 (1.0.0)
    package34718 (1.0.0)
    package34719 (1.0.0)
    package34720 (1.0.0)
    package34721 (1.0.0)
    package34722 (1.0.0)
    package34723 (1.0.0)
    package34724 (1.0.0)
    package34725 (1.0.0)
    package34726 (1.0.0)
    package34727 (1.0.0)
    package34728 (1.0.0)
    package34729 (1.0.0)
    package34730 (1.0.0)
    package34731 (1.0.0)
    package34732 (1.0.0)
    package34733 (1.0.0)
    package34734 (1.0.0)
    package34735 (1.0.0)
    package34736 (1.0.0)
    package34737 (1.0.0)
    package34738 (1.0.0)
    package34739 (1.0.0)
    package34740 (1.0.0)
    package34741 (1.0.0)
    package34742 (1.0.0)
    package34743 (1.0.0)
    package34744 (1.0.0)
    package34745 (1.0.0)
    package34746 (1.0.0)
    package34747 (1.0.0)
    package34748 (1.0.0)
    package34749 (1.0.0)
    package34750 (1.0.0)
    package34751 (1.0.0)
    package34752 (1.0.0)
    package34753 (1.0.0)
    package34754 (1.0.0)
    package34755 (1.0.0)
    package34756 (1.0.0)
    package34757 (1.0.0)
    package34758 (1.0.0)
    package34759 (1.0.0)
    package34760 (1.0.0)
    package34761 (1.0.0)
    package34762 (1.0.0)
    package34763 (1.0.0)
    package34764 (1.0.0)
    package34765 (1.0.0)
    package34766 (1.0.0)
    package34767 (1.0.0)
    package34768 (1.0.0)
    package34769 (1.0.0)
    package34770 (1.0.0)
    package34771 (1.0.0)
    package34772 (1.0.0)
    package34773 (1.0.0)
    package34774 (1.0.0)
    package34775 (1.0.0)
    package34776 (1.0.0)
    package34777 (1.0.0)
    package34778 (1.0.0)
    package34779 (1.0.0)
    package34780 (1.0.0)
    package34781 (1.0.0)
    package34782 (1.0.0)
    package34783 (1.0.0)
    package34784 (1.0.0)
    package34785 (1.0.0)
    package34786 (1.0.0)
    package34787 (1.0.0)
    package34788 (1.0.0)
    package34789 (1.0.0)
    package34790 (1.0.0)
    package34791 (1.0.0)
    package34792 (1.0.0)
    package34793 (1.0.0)
    package34794 (1.0.0)
    package34795 (1.0.0)
    package34796 (1.0.0)
    package34797 (1.0.0)
    package34798 (1.0.0)
    package34799 (1.0.0)
    package34800 (1.0.0)
    package34801 (1.0.0)
    package34802 (1.0.0)
    package34803 (1.0.0)
    package34804 (1.0.0)
    package34805 (1.0.0)
    package34806 (1.0.0)
    package34807 (1.0.0)
    package34808 (1.0.0)
    package34809 (1.0.0)
    package34810 (1.0.0)
    package34811 (1.0.0)
    package34812 (1.0.0)
    package34813 (1.0.0)
    package34814 (1.0.0)
    package34815 (1.0.0)
    package34816 (1.0.0)
    package34817 (1.0.0)
    package34818 (1.0.0)
    package34819 (1.0.0)
    package34820 (1.0.0)
    package34821 (1.0.0)
    package34822 (1.0.0)
    package34823 (1.0.0)
    package34824 (1.0.0)
    package34825 (1.0.0)
    package34826 (1.0.0)
    package34827 (1.0.0)
    package34828 (1.0.0)
    package34829 (1.0.0)
    package34830 (1.0.0)
    package34831 (1.0.0)
    package34832 (1.0.0)
    package34833 (1.0.0)
    package34834 (1.0.0)
    package34835 (1.0.0)
    package34836 (1.0.0)
    package34837 (1.0.0)
    package34838 (1.0.0)
    package34839 (1.0.0)
    package34840 (1.0.0)
    package34841 (1.0.0)
    package34842 (1.0.0)
    package34843 (1.0.0)
    package34844 (1.0.0)
    package34845 (1.0.0)
    package34846 (1.0.0)
    package34847 (1.0.0)
    package34848 (1.0.0)
    package34849 (1.0.0)
    package34850 (1.0.0)
    package34851 (1.0.0)
    package34852 (1.0.0)
    package34853 (1.0.0)
    package34854 (1.0.0)
    package34855 (1.0.0)
    package34856 (1.0.0)
    package34857 (1.0.0)
    package34858 (1.0.0)
    package34859 (1.0.0)
    package34860 (1.0.0)
    package34861 (1.0.0)
    package34862 (1.0.0)
    package34863 (1.0.0)
    package34864 (1.0.0)
    package34865 (1.0.0)
    package34866 (1.0.0)
    package34867 (1.0.0)
    package34868 (1.0.0)
    package34869 (1.0.0)
    package34870 (1.0.0)
    package34871 (1.0.0)
    package34872 (1.0.0)
    package34873 (1.0.0)
    package34874 (1.0.0)
    package34875 (1.0.0)
    package34876 (1.0.0)
    package34877 (1.0.0)
    package34878 (1.0.0)
    package34879 (1.0.0)
    package34880 (1.0.0)
    package34881 (1.0.0)
    package34882 (1.0.0)
    package34883 (1.0.0)
    package34884 (1.0.0)
    package34885 (1.0.0)
    package34886 (1.0.0)
    package34887 (1.0.0)
    package34888 (1.0.0)
    package34889 (1.0.0)
    package34890 (1.0.0)
    package34891 (1.0.0)
    package34892 (1.0.0)
    package34893 (1.0.0)
    package34894 (1.0.0)
    package34895 (1.0.0)
    package34896 (1.0.0)
    package34897 (1.0.0)
    package34898 (1.0.0)
    package34899 (1.0.0)
    package34900 (1.0.0)
    package34901 (1.0.0)
    package34902 (1.0.0)
    package34903 (1.0.0)
    package34904 (1.0.0)
    package34905 (1.0.0)
    package34906 (1.0.0)
    package34907 (1.0.0)
    package34908 (1.0.0)
    package34909 (1.0.0)
    package34910 (1.0.0)
    package34911 (1.0.0)
    package34912 (1.0.0)
    package34913 (1.0.0)
    package34914 (1.0.0)
    package34915 (1.0.0)
    package34916 (1.0.0)
    package34917 (1.0.0)
    package34918 (1.0.0)
    package34919 (1.0.0)
    package34920 (1.0.0)
    package34921 (1.0.0)
    package34922 (1.0.0)
    package34923 (1.0.0)
    package34924 (1.0.0)
    package34925 (1.0.0)
    package34926 (1.0.0)
    package34927 (1.0.0)
    package34928 (1.0.0)
    package34929 (1.0.0)
    package34930 (1.0.0)
    package34931 (1.0.0)
    package34932 (1.0.0)
    package34933 (1.0.0)
    package34934 (1.0.0)
    package34935 (1.0.0)
    package34936 (1.0.0)
    package34937 (1.0.0)
    package34938 (1.0.0)
    package34939 (1.0.0)
    package34940 (1.0.0)
    package34941 (1.0.0)
    package34942 (1.0.0)
    package34943 (1.0.0)
    package34944 (1.0.0)
    package34945 (1.0.0)
    package34946 (1.0.0)
    package34947 (1.0.0)
    package34948 (1.0.0)
    package34949 (1.0.0)
    package34950 (1.0.0)
    package34951 (1.0.0)
    package34952 (1.0.0)
    package34953 (1.0.0)
    package34954 (1.0.0)
    package34955 (1.0.0)
    package34956 (1.0.0)
    package34957 (1.0.0)
    package34958 (1.0.0)
    package34959 (1.0.0)
    package34960 (1.0.0)
    package34961 (1.0.0)
    package34962 (1.0.0)
    package34963 (1.0.0)
    package34964 (1.0.0)
    package34965 (1.0.0)
    package34966 (1.0.0)
    package34967 (1.0.0)
    package34968 (1.0.0)
    package34969 (1.0.0)
    package34970 (1.0.0)
    package34971 (1.0.0)
    package34972 (1.0.0)
    package34973 (1.0.0)
    package34974 (1.0.0)
    package34975 (1.0.0)
    package34976 (1.0.0)
    package34977 (1.0.0)
    package34978 (1.0.0)
    package34979 (1.0.0)
    package34980 (1.0.0)
    package34981 (1.0.0)
    package34982 (1.0.0)
    package34983 (1.0.0)
    package34984 (1.0.0)
    package34985 (1.0.0)
    package34986 (1.0.0)
    package34987 (1.0.0)
    package34988 (1.0.0)
    package34989 (1.0.0)
    package34990 (1.0.0)
    package34991 (1.0.0)
    package34992 (1.0.0)
    package34993 (1.0.0)
    package34994 (1.0.0)
    package34995 (1.0.0)
    package34996 (1.0.0)
    package34997 (1.0.0)
    package34998 (1.0.0)
    package34999 (1.0.0)
    package35000 (1.0.0)
    package35001 (1.0.0)
    package35002 (1.0.0)
    package35003 (1.0.0)
    package35004 (1.0.0)
    package35005 (1.0.0)
    package35006 (1.0.0)
    package35007 (1.0.0)
    package35008 (1.0.0)
    package35009 (1.0.0)
    package35010 (1.0.0)
    package35011 (1.0.0)
    package35012 (1.0.0)
    package35013 (1.0.0)
    package35014 (1.0.0)
    package35015 (1.0.0)
    package35016 (1.0.0)
    package35017 (1.0.0)
    package35018 (1.0.0)
    package35019 (1.0.0)
    package35020 (1.0.0)
    package35021 (1.0.0)
    package35022 (1.0.0)
    package35023 (1.0.0)
    package35024 (1.0.0)
    package35025 (1.0.0)
    package35026 (1.0.0)
    package35027 (1.0.0)
    package35028 (1.0.0)
    package35029 (1.0.0)
    package35030 (1.0.0)
    package35031 (1.0.0)
    package35032 (1.0.0)
    package35033 (1.0.0)
    package35034 (1.0.0)
    package35035 (1.0.0)
    package35036 (1.0.0)
    package35037 (1.0.0)
    package35038 (1.0.0)
    package35039 (1.0.0)
    package35040 (1.0.0)
    package35041 (1.0.0)
    package35042 (1.0.0)
    package35043 (1.0.0)
    package35044 (1.0.0)
    package35045 (1.0.0)
    package35046 (1.0.0)
    package35047 (1.0.0)
    package35048 (1.0.0)
    package35049 (1.0.0)
    package35050 (1.0.0)
    package35051 (1.0.0)
    package35052 (1.0.0)
    package35053 (1.0.0)
    package35054 (1.0.0)
    package35055 (1.0.0)
    package35056 (1.0.0)
    package35057 (1.0.0)
    package35058 (1.0.0)
    package35059 (1.0.0)
    package35060 (1.0.0)
    package35061 (1.0.0)
    package35062 (1.0.0)
    package35063 (1.0.0)
    package35064 (1.0.0)
    package35065 (1.0.0)
    package35066 (1.0.0)
    package35067 (1.0.0)
    package35068 (1.0.0)
    package35069 (1.0.0)
    package35070 (1.0.0)
    package35071 (1.0.0)
    package35072 (1.0.0)
    package35073 (1.0.0)
    package35074 (1.0.0)
    package35075 (1.0.0)
    package35076 (1.0.0)
    package35077 (1.0.0)
    package35078 (1.0.0)
    package35079 (1.0.0)
    package35080 (1.0.0)
    package35081 (1.0.0)
    package35082 (1.0.0)
    package35083 (1.0.0)
    package35084 (1.0.0)
    package35085 (1.0.0)
    package35086 (1.0.0)
    package35087 (1.0.0)
    package35088 (1.0.0)
    package35089 (1.0.0)
    package35090 (1.0.0)
    package35091 (1.0.0)
    package35092 (1.0.0)
    package35093 (1.0.0)
    package35094 (1.0.0)
    package35095 (1.0.0)
    package35096 (1.0.0)
    package35097 (1.0.0)
    package35098 (1.0.0)
    package35099 (1.0.0)
    package35100 (1.0.0)
    package35101 (1.0.0)
    package35102 (1.0.0)
    package35103 (1.0.0)
    package35104 (1.0.0)
    package35105 (1.0.0)
    package35106 (1.0.0)
    package35107 (1.0.0)
    package35108 (1.0.0)
    package35109 (1.0.0)
    package35110 (1.0.0)
    package35111 (1.0.0)
    package35112 (1.0.0)
    package35113 (1.0.0)
    package35114 (1.0.0)
    package35115 (1.0.0)
    package35116 (1.0.0)
    package35117 (1.0.0)
    package35118 (1.0.0)
    package35119 (1.0.0)
    package35120 (1.0.0)
    package35121 (1.0.0)
    package35122 (1.0.0)
    package35123 (1.0.0)
    package35124 (1.0.0)
    package35125 (1.0.0)
    package35126 (1.0.0)
    package35127 (1.0.0)
    package35128 (1.0.0)
    package35129 (1.0.0)
    package35130 (1.0.0)
    package35131 (1.0.0)
    package35132 (1.0.0)
    package35133 (1.0.0)
    package35134 (1.0.0)
    package35135 (1.0.0)
    package35136 (1.0.0)
    package35137 (1.0.0)
    package35138 (1.0.0)
    package35139 (1.0.0)
    package35140 (1.0.0)
    package35141 (1.0.0)
    package35142 (1.0.0)
    package35143 (1.0.0)
    package35144 (1.0.0)
    package35145 (1.0.0)
    package35146 (1.0.0)
    package35147 (1.0.0)
    package35148 (1.0.0)
    package35149 (1.0.0)
    package35150 (1.0.0)
    package35151 (1.0.0)
    package35152 (1.0.0)
    package35153 (1.0.0)
    package35154 (1.0.0)
    package35155 (1.0.0)
    package35156 (1.0.0)
    package35157 (1.0.0)
    package35158 (1.0.0)
    package35159 (1.0.0)
    package35160 (1.0.0)
    package35161 (1.0.0)
    package35162 (1.0.0)
    package35163 (1.0.0)
    package35164 (1.0.0)
    package35165 (1.0.0)
    package35166 (1.0.0)
    package35167 (1.0.0)
    package35168 (1.0.0)
    package35169 (1.0.0)
    package35170 (1.0.0)
    package35171 (1.0.0)
    package35172 (1.0.0)
    package35173 (1.0.0)
    package35174 (1.0.0)
    package35175 (1.0.0)
    package35176 (1.0.0)
    package35177 (1.0.0)
    package35178 (1.0.0)
    package35179 (1.0.0)
    package35180 (1.0.0)
    package35181 (1.0.0)
    package35182 (1.0.0)
    package35183 (1.0.0)
    package35184 (1.0.0)
    package35185 (1.0.0)
    package35186 (1.0.0)
    package35187 (1.0.0)
    package35188 (1.0.0)
    package35189 (1.0.0)
    package35190 (1.0.0)
    package35191 (1.0.0)
    package35192 (1.0.0)
    package35193 (1.0.0)
    package35194 (1.0.0)
    package35195 (1.0.0)
    package35196 (1.0.0)
    package35197 (1.0.0)
    package35198 (1.0.0)
    package35199 (1.0.0)
    package35200 (1.0.0)
    package35201 (1.0.0)
    package35202 (1.0.0)
    package35203 (1.0.0)
    package35204 (1.0.0)
    package35205 (1.0.0)
    package35206 (1.0.0)
    package35207 (1.0.0)
    package35208 (1.0.0)
    package35209 (1.0.0)
    package35210 (1.0.0)
    package35211 (1.0.0)
    package35212 (1.0.0)
    package35213 (1.0.0)
    package35214 (1.0.0)
    package35215 (1.0.0)
    package35216 (1.0.0)
    package35217 (1.0.0)
    package35218 (1.0.0)
    package35219 (1.0.0)
    package35220 (1.0.0)
    package35221 (1.0.0)
    package35222 (1.0.0)
    package35223 (1.0.0)
    package35224 (1.0.0)
    package35225 (1.0.0)
    package35226 (1.0.0)
    package35227 (1.0.0)
    package35228 (1.0.0)
    package35229 (1.0.0)
    package35230 (1.0.0)
    package35231 (1.0.0)
    package35232 (1.0.0)
    package35233 (1.0.0)
    package35234 (1.0.0)
    package35235 (1.0.0)
    package35236 (1.0.0)
    package35237 (1.0.0)
    package35238 (1.0.0)
    package35239 (1.0.0)
    package35240 (1.0.0)
    package35241 (1.0.0)
    package35242 (1.0.0)
    package35243 (1.0.0)
    package35244 (1.0.0)
    package35245 (1.0.0)
    package35246 (1.0.0)
    package35247 (1.0.0)
    package35248 (1.0.0)
    package35249 (1.0.0)
    package35250 (1.0.0)
    package35251 (1.0.0)
    package35252 (1.0.0)
    package35253 (1.0.0)
    package35254 (1.0.0)
    package35255 (1.0.0)
    package35256 (1.0.0)
    package35257 (1.0.0)
    package35258 (1.0.0)
    package35259 (1.0.0)
    package35260 (1.0.0)
    package35261 (1.0.0)
    package35262 (1.0.0)
    package35263 (1.0.0)
    package35264 (1.0.0)
    package35265 (1.0.0)
    package35266 (1.0.0)
    package35267 (1.0.0)
    package35268 (1.0.0)
    package35269 (1.0.0)
    package35270 (1.0.0)
    package35271 (1.0.0)
    package35272 (1.0.0)
    package35273 (1.0.0)
    package35274 (1.0.0)
    package35275 (1.0.0)
    package35276 (1.0.0)
    package35277 (1.0.0)
    package35278 (1.0.0)
    package35279 (1.0.0)
    package35280 (1.0.0)
    package35281 (1.0.0)
    package35282 (1.0.0)
    package35283 (1.0.0)
    package35284 (1.0.0)
    package35285 (1.0.0)
    package35286 (1.0.0)
    package35287 (1.0.0)
    package35288 (1.0.0)
    package35289 (1.0.0)
    package35290 (1.0.0)
    package35291 (1.0.0)
    package35292 (1.0.0)
    package35293 (1.0.0)
    package35294 (1.0.0)
    package35295 (1.0.0)
    package35296 (1.0.0)
    package35297 (1.0.0)
    package35298 (1.0.0)
    package35299 (1.0.0)
    package35300 (1.0.0)
    package35301 (1.0.0)
    package35302 (1.0.0)
    package35303 (1.0.0)
    package35304 (1.0.0)
    package35305 (1.0.0)
    package35306 (1.0.0)
    package35307 (1.0.0)
    package35308 (1.0.0)
    package35309 (1.0.0)
    package35310 (1.0.0)
    package35311 (1.0.0)
    package35312 (1.0.0)
    package35313 (1.0.0)
    package35314 (1.0.0)
    package35315 (1.0.0)
    package35316 (1.0.0)
    package35317 (1.0.0)
    package35318 (1.0.0)
    package35319 (1.0.0)
    package35320 (1.0.0)
    package35321 (1.0.0)
    package35322 (1.0.0)
    package35323 (1.0.0)
    package35324 (1.0.0)
    package35325 (1.0.0)
    package35326 (1.0.0)
    package35327 (1.0.0)
    package35328 (1.0.0)
    package35329 (1.0.0)
    package35330 (1.0.0)
    package35331 (1.0.0)
    package35332 (1.0.0)
    package35333 (1.0.0)
    package35334 (1.0.0)
    package35335 (1.0.0)
    package35336 (1.0.0)
    package35337 (1.0.0)
    package35338 (1.0.0)
    package35339 (1.0.0)
    package35340 (1.0.0)
    package35341 (1.0.0)
    package35342 (1.0.0)
    package35343 (1.0.0)
    package35344 (1.0.0)
    package35345 (1.0.0)
    package35346 (1.0.0)
    package35347 (1.0.0)
    package35348 (1.0.0)
    package35349 (1.0.0)
    package35350 (1.0.0)
    package35351 (1.0.0)
    package35352 (1.0.0)
    package35353 (1.0.0)
    package35354 (1.0.0)
    package35355 (1.0.0)
    package35356 (1.0.0)
    package35357 (1.0.0)
    package35358 (1.0.0)
    package35359 (1.0.0)
    package35360 (1.0.0)
    package35361 (1.0.0)
    package35362 (1.0.0)
    package35363 (1.0.0)
    package35364 (1.0.0)
    package35365 (1.0.0)
    package35366 (1.0.0)
    package35367 (1.0.0)
    package35368 (1.0.0)
    package35369 (1.0.0)
    package35370 (1.0.0)
    package35371 (1.0.0)
    package35372 (1.0.0)
    package35373 (1.0.0)
    package35374 (1.0.0)
    package35375 (1.0.0)
    package35376 (1.0.0)
    package35377 (1.0.0)
    package35378 (1.0.0)
    package35379 (1.0.0)
    package35380 (1.0.0)
    package35381 (1.0.0)
    package35382 (1.0.0)
    package35383 (1.0.0)
    package35384 (1.0.0)
    package35385 (1.0.0)
    package35386 (1.0.0)
    package35387 (1.0.0)
    package35388 (1.0.0)
    package35389 (1.0.0)
    package35390 (1.0.0)
    package35391 (1.0.0)
    package35392 (1.0.0)
    package35393 (1.0.0)
    package35394 (1.0.0)
    package35395 (1.0.0)
    package35396 (1.0.0)
    package35397 (1.0.0)
    package35398 (1.0.0)
    package35399 (1.0.0)
    package35400 (1.0.0)
    package35401 (1.0.0)
    package35402 (1.0.0)
    package35403 (1.0.0)
    package35404 (1.0.0)
    package35405 (1.0.0)
    package35406 (1.0.0)
    package35407 (1.0.0)
    package35408 (1.0.0)
    package35409 (1.0.0)
    package35410 (1.0.0)
    package35411 (1.0.0)
    package35412 (1.0.0)
    package35413 (1.0.0)
    package35414 (1.0.0)
    package35415 (1.0.0)
    package35416 (1.0.0)
    package35417 (1.0.0)
    package35418 (1.0.0)
    package35419 (1.0.0)
    package35420 (1.0.0)
    package35421 (1.0.0)
    package35422 (1.0.0)
    package35423 (1.0.0)
    package35424 (1.0.0)
    package35425 (1.0.0)
    package35426 (1.0.0)
    package35427 (1.0.0)
    package35428 (1.0.0)
    package35429 (1.0.0)
    package35430 (1.0.0)
    package35431 (1.0.0)
    package35432 (1.0.0)
    package35433 (1.0.0)
    package35434 (1.0.0)
    package35435 (1.0.0)
    package35436 (1.0.0)
    package35437 (1.0.0)
    package35438 (1.0.0)
    package35439 (1.0.0)
    package35440 (1.0.0)
    package35441 (1.0.0)
    package35442 (1.0.0)
    package35443 (1.0.0)
    package35444 (1.0.0)
    package35445 (1.0.0)
    package35446 (1.0.0)
    package35447 (1.0.0)
    package35448 (1.0.0)
    package35449 (1.0.0)
    package35450 (1.0.0)
    package35451 (1.0.0)
    package35452 (1.0.0)
    package35453 (1.0.0)
    package35454 (1.0.0)
    package35455 (1.0.0)
    package35456 (1.0.0)
    package35457 (1.0.0)
    package35458 (1.0.0)
    package35459 (1.0.0)
    package35460 (1.0.0)
    package35461 (1.0.0)
    package35462 (1.0.0)
    package35463 (1.0.0)
    package35464 (1.0.0)
    package35465 (1.0.0)
    package35466 (1.0.0)
    package35467 (1.0.0)
    package35468 (1.0.0)
    package35469 (1.0.0)
    package35470 (1.0.0)
    package35471 (1.0.0)
    package35472 (1.0.0)
    package35473 (1.0.0)
    package35474 (1.0.0)
    package35475 (1.0.0)
    package35476 (1.0.0)
    package35477 (1.0.0)
    package35478 (1.0.0)
    package35479 (1.0.0)
    package35480 (1.0.0)
    package35481 (1.0.0)
    package35482 (1.0.0)
    package35483 (1.0.0)
    package35484 (1.0.0)
    package35485 (1.0.0)
    package35486 (1.0.0)
    package35487 (1.0.0)
    package35488 (1.0.0)
    package35489 (1.0.0)
    package35490 (1.0.0)
    package35491 (1.0.0)
    package35492 (1.0.0)
    package35493 (1.0.0)
    package35494 (1.0.0)
    package35495 (1.0.0)
    package35496 (1.0.0)
    package35497 (1.0.0)
    package35498 (1.0.0)
    package35499 (1.0.0)
    package35500 (1.0.0)
    package35501 (1.0.0)
    package35502 (1.0.0)
    package35503 (1.0.0)
    package35504 (1.0.0)
    package35505 (1.0.0)
    package35506 (1.0.0)
    package35507 (1.0.0)
    package35508 (1.0.0)
    package35509 (1.0.0)
    package35510 (1.0.0)
    package35511 (1.0.0)
    package35512 (1.0.0)
    package35513 (1.0.0)
    package35514 (1.0.0)
    package35515 (1.0.0)
    package35516 (1.0.0)
    package35517 (1.0.0)
    package35518 (1.0.0)
    package35519 (1.0.0)
    package35520 (1.0.0)
    package35521 (1.0.0)
    package35522 (1.0.0)
    package35523 (1.0.0)
    package35524 (1.0.0)
    package35525 (1.0.0)
    package35526 (1.0.0)
    package35527 (1.0.0)
    package35528 (1.0.0)
    package35529 (1.0.0)
    package35530 (1.0.0)
    package35531 (1.0.0)
    package35532 (1.0.0)
    package35533 (1.0.0)
    package35534 (1.0.0)
    package35535 (1.0.0)
    package35536 (1.0.0)
    package35537 (1.0.0)
    package35538 (1.0.0)
    package35539 (1.0.0)
    package35540 (1.0.0)
    package35541 (1.0.0)
    package35542 (1.0.0)
    package35543 (1.0.0)
    package35544 (1.0.0)
    package35545 (1.0.0)
    package35546 (1.0.0)
    package35547 (1.0.0)
    package35548 (1.0.0)
    package35549 (1.0.0)
    package35550 (1.0.0)
    package35551 (1.0.0)
    package35552 (1.0.0)
    package35553 (1.0.0)
    package35554 (1.0.0)
    package35555 (1.0.0)
    package35556 (1.0.0)
    package35557 (1.0.0)
    package35558 (1.0.0)
    package35559 (1.0.0)
    package35560 (1.0.0)
    package35561 (1.0.0)
    package35562 (1.0.0)
    package35563 (1.0.0)
    package35564 (1.0.0)
    package35565 (1.0.0)
    package35566 (1.0.0)
    package35567 (1.0.0)
    package35568 (1.0.0)
    package35569 (1.0.0)
    package35570 (1.0.0)
    package35571 (1.0.0)
    package35572 (1.0.0)
    package35573 (1.0.0)
    package35574 (1.0.0)
    package35575 (1.0.0)
    package35576 (1.0.0)
    package35577 (1.0.0)
    package35578 (1.0.0)
    package35579 (1.0.0)
    package35580 (1.0.0)
    package35581 (1.0.0)
    package35582 (1.0.0)
    package35583 (1.0.0)
    package35584 (1.0.0)
    package35585 (1.0.0)
    package35586 (1.0.0)
    package35587 (1.0.0)
    package35588 (1.0.0)
    package35589 (1.0.0)
    package35590 (1.0.0)
    package35591 (1.0.0)
    package35592 (1.0.0)
    package35593 (1.0.0)
    package35594 (1.0.0)
    package35595 (1.0.0)
    package35596 (1.0.0)
    package35597 (1.0.0)
    package35598 (1.0.0)
    package35599 (1.0.0)
    package35600 (1.0.0)
    package35601 (1.0.0)
    package35602 (1.0.0)
    package35603 (1.0.0)
    package35604 (1.0.0)
    package35605 (1.0.0)
    package35606 (1.0.0)
    package35607 (1.0.0)
    package35608 (1.0.0)
    package35609 (1.0.0)
    package35610 (1.0.0)
    package35611 (1.0.0)
    package35612 (1.0.0)
    package35613 (1.0.0)
    package35614 (1.0.0)
    package35615 (1.0.0)
    package35616 (1.0.0)
    package35617 (1.0.0)
    package35618 (1.0.0)
    package35619 (1.0.0)
    package35620 (1.0.0)
    package35621 (1.0.0)
    package35622 (1.0.0)
    package35623 (1.0.0)
    package35624 (1.0.0)
    package35625 (1.0.0)
    package35626 (1.0.0)
    package35627 (1.0.0)
    package35628 (1.0.0)
    package35629 (1.0.0)
    package35630 (1.0.0)
    package35631 (1.0.0)
    package35632 (1.0.0)
    package35633 (1.0.0)
    package35634 (1.0.0)
    package35635 (1.0.0)
    package35636 (1.0.0)
    package35637 (1.0.0)
    package35638 (1.0.0)
    package35639 (1.0.0)
    package35640 (1.0.0)
    package35641 (1.0.0)
    package35642 (1.0.0)
    package35643 (1.0.0)
    package35644 (1.0.0)
    package35645 (1.0.0)
    package35646 (1.0.0)
    package35647 (1.0.0)
    package35648 (1.0.0)
    package35649 (1.0.0)
    package35650 (1.0.0)
    package35651 (1.0.0)
    package35652 (1.0.0)
    package35653 (1.0.0)
    package35654 (1.0.0)
    package35655 (1.0.0)
    package35656 (1.0.0)
    package35657 (1.0.0)
    package35658 (1.0.0)
    package35659 (1.0.0)
    package35660 (1.0.0)
    package35661 (1.0.0)
    package35662 (1.0.0)
    package35663 (1.0.0)
    package35664 (1.0.0)
    package35665 (1.0.0)
    package35666 (1.0.0)
    package35667 (1.0.0)
    package35668 (1.0.0)
    package35669 (1.0.0)
    package35670 (1.0.0)
    package35671 (1.0.0)
    package35672 (1.0.0)
    package35673 (1.0.0)
    package35674 (1.0.0)
    package35675 (1.0.0)
    package35676 (1.0.0)
    package35677 (1.0.0)
    package35678 (1.0.0)
    package35679 (1.0.0)
    package35680 (1.0.0)
    package35681 (1.0.0)
    package35682 (1.0.0)
    package35683 (1.0.0)
    package35684 (1.0.0)
    package35685 (1.0.0)
    package35686 (1.0.0)
    package35687 (1.0.0)
    package35688 (1.0.0)
    package35689 (1.0.0)
    package35690 (1.0.0)
    package35691 (1.0.0)
    package35692 (1.0.0)
    package35693 (1.0.0)
    package35694 (1.0.0)
    package35695 (1.0.0)
    package35696 (1.0.0)
    package35697 (1.0.0)
    package35698 (1.0.0)
    package35699 (1.0.0)
    package35700 (1.0.0)
    package35701 (1.0.0)
    package35702 (1.0.0)
    package35703 (1.0.0)
    package35704 (1.0.0)
    package35705 (1.0.0)
    package35706 (1.0.0)
    package35707 (1.0.0)
    package35708 (1.0.0)
    package35709 (1.0.0)
    package35710 (1.0.0)
    package35711 (1.0.0)
    package35712 (1.0.0)
    package35713 (1.0.0)
    package35714 (1.0.0)
    package35715 (1.0.0)
    package35716 (1.0.0)
    package35717 (1.0.0)
    package35718 (1.0.0)
    package35719 (1.0.0)
    package35720 (1.0.0)
    package35721 (1.0.0)
    package35722 (1.0.0)
    package35723 (1.0.0)
    package35724 (1.0.0)
    package35725 (1.0.0)
    package35726 (1.0.0)
    package35727 (1.0.0)
    package35728 (1.0.0)
    package35729 (1.0.0)
    package35730 (1.0.0)
    package35731 (1.0.0)
    package35732 (1.0.0)
    package35733 (1.0.0)
    package35734 (1.0.0)
    package35735 (1.0.0)
    package35736 (1.0.0)
    package35737 (1.0.0)
    package35738 (1.0.0)
    package35739 (1.0.0)
    package35740 (1.0.0)
    package35741 (1.0.0)
    package35742 (1.0.0)
    package35743 (1.0.0)
    package35744 (1.0.0)
    package35745 (1.0.0)
    package35746 (1.0.0)
    package35747 (1.0.0)
    package35748 (1.0.0)
    package35749 (1.0.0)
    package35750 (1.0.0)
    package35751 (1.0.0)
    package35752 (1.0.0)
    package35753 (1.0.0)
    package35754 (1.0.0)
    package35755 (1.0.0)
    package35756 (1.0.0)
    package35757 (1.0.0)
    package35758 (1.0.0)
    package35759 (1.0.0)
    package35760 (1.0.0)
    package35761 (1.0.0)
    package35762 (1.0.0)
    package35763 (1.0.0)
    package35764 (1.0.0)
    package35765 (1.0.0)
    package35766 (1.0.0)
    package35767 (1.0.0)
    package35768 (1.0.0)
    package35769 (1.0.0)
    package35770 (1.0.0)
    package35771 (1.0.0)
    package35772 (1.0.0)
    package35773 (1.0.0)
    package35774 (1.0.0)
    package35775 (1.0.0)
    package35776 (1.0.0)
    package35777 (1.0.0)
    package35778 (1.0.0)
    package35779 (1.0.0)
    package35780 (1.0.0)
    package35781 (1.0.0)
    package35782 (1.0.0)
    package35783 (1.0.0)
    package35784 (1.0.0)
    package35785 (1.0.0)
    package35786 (1.0.0)
    package35787 (1.0.0)
    package35788 (1.0.0)
    package35789 (1.0.0)
    package35790 (1.0.0)
    package35791 (1.0.0)
    package35792 (1.0.0)
    package35793 (1.0.0)
    package35794 (1.0.0)
    package35795 (1.0.0)
    package35796 (1.0.0)
    package35797 (1.0.0)
    package35798 (1.0.0)
    package35799 (1.0.0)
    package35800 (1.0.0)
    package35801 (1.0.0)
    package35802 (1.0.0)
    package35803 (1.0.0)
    package35804 (1.0.0)
    package35805 (1.0.0)
    package35806 (1.0.0)
    package35807 (1.0.0)
    package35808 (1.0.0)
    package35809 (1.0.0)
    package35810 (1.0.0)
    package35811 (1.0.0)
    package35812 (1.0.0)
    package35813 (1.0.0)
    package35814 (1.0.0)
    package35815 (1.0.0)
    package35816 (1.0.0)
    package35817 (1.0.0)
    package35818 (1.0.0)
    package35819 (1.0.0)
    package35820 (1.0.0)
    package35821 (1.0.0)
    package35822 (1.0.0)
    package35823 (1.0.0)
    package35824 (1.0.0)
    package35825 (1.0.0)
    package35826 (1.0.0)
    package35827 (1.0.0)
    package35828 (1.0.0)
    package35829 (1.0.0)
    package35830 (1.0.0)
    package35831 (1.0.0)
    package35832 (1.0.0)
    package35833 (1.0.0)
    package35834 (1.0.0)
    package35835 (1.0.0)
    package35836 (1.0.0)
    package35837 (1.0.0)
    package35838 (1.0.0)
    package35839 (1.0.0)
    package35840 (1.0.0)
    package35841 (1.0.0)
    package35842 (1.0.0)
    package35843 (1.0.0)
    package35844 (1.0.0)
    package35845 (1.0.0)
    package35846 (1.0.0)
    package35847 (1.0.0)
    package35848 (1.0.0)
    package35849 (1.0.0)
    package35850 (1.0.0)
    package35851 (1.0.0)
    package35852 (1.0.0)
    package35853 (1.0.0)
    package35854 (1.0.0)
    package35855 (1.0.0)
    package35856 (1.0.0)
    package35857 (1.0.0)
    package35858 (1.0.0)
    package35859 (1.0.0)
    package35860 (1.0.0)
    package35861 (1.0.0)
    package35862 (1.0.0)
    package35863 (1.0.0)
    package35864 (1.0.0)
    package35865 (1.0.0)
    package35866 (1.0.0)
    package35867 (1.0.0)
    package35868 (1.0.0)
    package35869 (1.0.0)
    package35870 (1.0.0)
    package35871 (1.0.0)
    package35872 (1.0.0)
    package35873 (1.0.0)
    package35874 (1.0.0)
    package35875 (1.0.0)
    package35876 (1.0.0)
    package35877 (1.0.0)
    package35878 (1.0.0)
    package35879 (1.0.0)
    package35880 (1.0.0)
    package35881 (1.0.0)
    package35882 (1.0.0)
    package35883 (1.0.0)
    package35884 (1.0.0)
    package35885 (1.0.0)
    package35886 (1.0.0)
    package35887 (1.0.0)
    package35888 (1.0.0)
    package35889 (1.0.0)
    package35890 (1.0.0)
    package35891 (1.0.0)
    package35892 (1.0.0)
    package35893 (1.0.0)
    package35894 (1.0.0)
    package35895 (1.0.0)
    package35896 (1.0.0)
    package35897 (1.0.0)
    package35898 (1.0.0)
    package35899 (1.0.0)
    package35900 (1.0.0)
    package35901 (1.0.0)
    package35902 (1.0.0)
    package35903 (1.0.0)
    package35904 (1.0.0)
    package35905 (1.0.0)
    package35906 (1.0.0)
    package35907 (1.0.0)
    package35908 (1.0.0)
    package35909 (1.0.0)
    package35910 (1.0.0)
    package35911 (1.0.0)
    package35912 (1.0.0)
    package35913 (1.0.0)
    package35914 (1.0.0)
    package35915 (1.0.0)
    package35916 (1.0.0)
    package35917 (1.0.0)
    package35918 (1.0.0)
    package35919 (1.0.0)
    package35920 (1.0.0)
    package35921 (1.0.0)
    package35922 (1.0.0)
    package35923 (1.0.0)
    package35924 (1.0.0)
    package35925 (1.0.0)
    package35926 (1.0.0)
    package35927 (1.0.0)
    package35928 (1.0.0)
    package35929 (1.0.0)
    package35930 (1.0.0)
    package35931 (1.0.0)
    package35932 (1.0.0)
    package35933 (1.0.0)
    package35934 (1.0.0)
    package35935 (1.0.0)
    package35936 (1.0.0)
    package35937 (1.0.0)
    package35938 (1.0.0)
    package35939 (1.0.0)
    package35940 (1.0.0)
    package35941 (1.0.0)
    package35942 (1.0.0)
    package35943 (1.0.0)
    package35944 (1.0.0)
    package35945 (1.0.0)
    package35946 (1.0.0)
    package35947 (1.0.0)
    package35948 (1.0.0)
    package35949 (1.0.0)
    package35950 (1.0.0)
    package35951 (1.0.0)
    package35952 (1.0.0)
    package35953 (1.0.0)
    package35954 (1.0.0)
    package35955 (1.0.0)
    package35956 (1.0.0)
    package35957 (1.0.0)
    package35958 (1.0.0)
    package35959 (1.0.0)
    package35960 (1.0.0)
    package35961 (1.0.0)
    package35962 (1.0.0)
    package35963 (1.0.0)
    package35964 (1.0.0)
    package35965 (1.0.0)
    package35966 (1.0.0)
    package35967 (1.0.0)
    package35968 (1.0.0)
    package35969 (1.0.0)
    package35970 (1.0.0)
    package35971 (1.0.0)
    package35972 (1.0.0)
    package35973 (1.0.0)
    package35974 (1.0.0)
    package35975 (1.0.0)
    package35976 (1.0.0)
    package35977 (1.0.0)
    package35978 (1.0.0)
    package35979 (1.0.0)
    package35980 (1.0.0)
    package35981 (1.0.0)
    package35982 (1.0.0)
    package35983 (1.0.0)
    package35984 (1.0.0)
    package35985 (1.0.0)
    package35986 (1.0.0)
    package35987 (1.0.0)
    package35988 (1.0.0)
    package35989 (1.0.0)
    package35990 (1.0.0)
    package35991 (1.0.0)
    package35992 (1.0.0)
    package35993 (1.0.0)
    package35994 (1.0.0)
    package35995 (1.0.0)
    package35996 (1.0.0)
    package35997 (1.0.0)
    package35998 (1.0.0)
    package35999 (1.0.0)
    package36000 (1.0.0)
    package36001 (1.0.0)
    package36002 (1.0.0)
    package36003 (1.0.0)
    package36004 (1.0.0)
    package36005 (1.0.0)
    package36006 (1.0.0)
    package36007 (1.0.0)
    package36008 (1.0.0)
    package36009 (1.0.0)
    package36010 (1.0.0)
    package36011 (1.0.0)
    package36012 (1.0.0)
    package36013 (1.0.0)
    package36014 (1.0.0)
    package36015 (1.0.0)
    package36016 (1.0.0)
    package36017 (1.0.0)
    package36018 (1.0.0)
    package36019 (1.0.0)
    package36020 (1.0.0)
    package36021 (1.0.0)
    package36022 (1.0.0)
    package36023 (1.0.0)
    package36024 (1.0.0)
    package36025 (1.0.0)
    package36026 (1.0.0)
    package36027 (1.0.0)
    package36028 (1.0.0)
    package36029 (1.0.0)
    package36030 (1.0.0)
    package36031 (1.0.0)
    package36032 (1.0.0)
    package36033 (1.0.0)
    package36034 (1.0.0)
    package36035 (1.0.0)
    package36036 (1.0.0)
    package36037 (1.0.0)
    package36038 (1.0.0)
    package36039 (1.0.0)
    package36040 (1.0.0)
    package36041 (1.0.0)
    package36042 (1.0.0)
    package36043 (1.0.0)
    package36044 (1.0.0)
    package36045 (1.0.0)
    package36046 (1.0.0)
    package36047 (1.0.0)
    package36048 (1.0.0)
    package36049 (1.0.0)
    package36050 (1.0.0)
    package36051 (1.0.0)
    package36052 (1.0.0)
    package36053 (1.0.0)
    package36054 (1.0.0)
    package36055 (1.0.0)
    package36056 (1.0.0)
    package36057 (1.0.0)
    package36058 (1.0.0)
    package36059 (1.0.0)
    package36060 (1.0.0)
    package36061 (1.0.0)
    package36062 (1.0.0)
    package36063 (1.0.0)
    package36064 (1.0.0)
    package36065 (1.0.0)
    package36066 (1.0.0)
    package36067 (1.0.0)
    package36068 (1.0.0)
    package36069 (1.0.0)
    package36070 (1.0.0)
    package36071 (1.0.0)
    package36072 (1.0.0)
    package36073 (1.0.0)
    package36074 (1.0.0)
    package36075 (1.0.0)
    package36076 (1.0.0)
    package36077 (1.0.0)
    package36078 (1.0.0)
    package36079 (1.0.0)
    package36080 (1.0.0)
    package36081 (1.0.0)
    package36082 (1.0.0)
    package36083 (1.0.0)
    package36084 (1.0.0)
    package36085 (1.0.0)
    package36086 (1.0.0)
    package36087 (1.0.0)
    package36088 (1.0.0)
    package36089 (1.0.0)
    package36090 (1.0.0)
    package36091 (1.0.0)
    package36092 (1.0.0)
    package36093 (1.0.0)
    package36094 (1.0.0)
    package36095 (1.0.0)
    package36096 (1.0.0)
    package36097 (1.0.0)
    package36098 (1.0.0)
    package36099 (1.0.0)
    package36100 (1.0.0)
    package36101 (1.0.0)
    package36102 (1.0.0)
    package36103 (1.0.0)
    package36104 (1.0.0)
    package36105 (1.0.0)
    package36106 (1.0.0)
    package36107 (1.0.0)
    package36108 (1.0.0)
    package36109 (1.0.0)
    package36110 (1.0.0)
    package36111 (1.0.0)
    package36112 (1.0.0)
    package36113 (1.0.0)
    package36114 (1.0.0)
    package36115 (1.0.0)
    package36116 (1.0.0)
    package36117 (1.0.0)
    package36118 (1.0.0)
    package36119 (1.0.0)
    package36120 (1.0.0)
    package36121 (1.0.0)
    package36122 (1.0.0)
    package36123 (1.0.0)
    package36124 (1.0.0)
    package36125 (1.0.0)
    package36126 (1.0.0)
    package36127 (1.0.0)
    package36128 (1.0.0)
    package36129 (1.0.0)
    package36130 (1.0.0)
    package36131 (1.0.0)
    package36132 (1.0.0)
    package36133 (1.0.0)
    package36134 (1.0.0)
    package36135 (1.0.0)
    package36136 (1.0.0)
    package36137 (1.0.0)
    package36138 (1.0.0)
    package36139 (1.0.0)
    package36140 (1.0.0)
    package36141 (1.0.0)
    package36142 (1.0.0)
    package36143 (1.0.0)
    package36144 (1.0.0)
    package36145 (1.0.0)
    package36146 (1.0.0)
    package36147 (1.0.0)
    package36148 (1.0.0)
    package36149 (1.0.0)
    package36150 (1.0.0)
    package36151 (1.0.0)
    package36152 (1.0.0)
    package36153 (1.0.0)
    package36154 (1.0.0)
    package36155 (1.0.0)
    package36156 (1.0.0)
    package36157 (1.0.0)
    package36158 (1.0.0)
    package36159 (1.0.0)
    package36160 (1.0.0)
    package36161 (1.0.0)
    package36162 (1.0.0)
    package36163 (1.0.0)
    package36164 (1.0.0)
    package36165 (1.0.0)
    package36166 (1.0.0)
    package36167 (1.0.0)
    package36168 (1.0.0)
    package36169 (1.0.0)
    package36170 (1.0.0)
    package36171 (1.0.0)
    package36172 (1.0.0)
    package36173 (1.0.0)
    package36174 (1.0.0)
    package36175 (1.0.0)
    package36176 (1.0.0)
    package36177 (1.0.0)
    package36178 (1.0.0)
    package36179 (1.0.0)
    package36180 (1.0.0)
    package36181 (1.0.0)
    package36182 (1.0.0)
    package36183 (1.0.0)
    package36184 (1.0.0)
    package36185 (1.0.0)
    package36186 (1.0.0)
    package36187 (1.0.0)
    package36188 (1.0.0)
    package36189 (1.0.0)
    package36190 (1.0.0)
    package36191 (1.0.0)
    package36192 (1.0.0)
    package36193 (1.0.0)
    package36194 (1.0.0)
    package36195 (1.0.0)
    package36196 (1.0.0)
    package36197 (1.0.0)
    package36198 (1.0.0)
    package36199 (1.0.0)
    package36200 (1.0.0)
    package36201 (1.0.0)
    package36202 (1.0.0)
    package36203 (1.0.0)
    package36204 (1.0.0)
    package36205 (1.0.0)
    package36206 (1.0.0)
    package36207 (1.0.0)
    package36208 (1.0.0)
    package36209 (1.0.0)
    package36210 (1.0.0)
    package36211 (1.0.0)
    package36212 (1.0.0)
    package36213 (1.0.0)
    package36214 (1.0.0)
    package36215 (1.0.0)
    package36216 (1.0.0)
    package36217 (1.0.0)
    package36218 (1.0.0)
    package36219 (1.0.0)
    package36220 (1.0.0)
    package36221 (1.0.0)
    package36222 (1.0.0)
    package36223 (1.0.0)
    package36224 (1.0.0)
    package36225 (1.0.0)
    package36226 (1.0.0)
    package36227 (1.0.0)
    package36228 (1.0.0)
    package36229 (1.0.0)
    package36230 (1.0.0)
    package36231 (1.0.0)
    package36232 (1.0.0)
    package36233 (1.0.0)
    package36234 (1.0.0)
    package36235 (1.0.0)
    package36236 (1.0.0)
    package36237 (1.0.0)
    package36238 (1.0.0)
    package36239 (1.0.0)
    package36240 (1.0.0)
    package36241 (1.0.0)
    package36242 (1.0.0)
    package36243 (1.0.0)
    package36244 (1.0.0)
    package36245 (1.0.0)
    package36246 (1.0.0)
    package36247 (1.0.0)
    package36248 (1.0.0)
    package36249 (1.0.0)
    package36250 (1.0.0)
    package36251 (1.0.0)
    package36252 (1.0.0)
    package36253 (1.0.0)
    package36254 (1.0.0)
    package36255 (1.0.0)
    package36256 (1.0.0)
    package36257 (1.0.0)
    package36258 (1.0.0)
    package36259 (1.0.0)
    package36260 (1.0.0)
    package36261 (1.0.0)
    package36262 (1.0.0)
    package36263 (1.0.0)
    package36264 (1.0.0)
    package36265 (1.0.0)
    package36266 (1.0.0)
    package36267 (1.0.0)
    package36268 (1.0.0)
    package36269 (1.0.0)
    package36270 (1.0.0)
    package36271 (1.0.0)
    package36272 (1.0.0)
    package36273 (1.0.0)
    package36274 (1.0.0)
    package36275 (1.0.0)
    package36276 (1.0.0)
    package36277 (1.0.0)
    package36278 (1.0.0)
    package36279 (1.0.0)
    package36280 (1.0.0)
    package36281 (1.0.0)
    package36282 (1.0.0)
    package36283 (1.0.0)
    package36284 (1.0.0)
    package36285 (1.0.0)
    package36286 (1.0.0)
    package36287 (1.0.0)
    package36288 (1.0.0)
    package36289 (1.0.0)
    package36290 (1.0.0)
    package36291 (1.0.0)
    package36292 (1.0.0)
    package36293 (1.0.0)
    package36294 (1.0.0)
    package36295 (1.0.0)
    package36296 (1.0.0)
    package36297 (1.0.0)
    package36298 (1.0.0)
    package36299 (1.0.0)
    package36300 (1.0.0)
    package36301 (1.0.0)
    package36302 (1.0.0)
    package36303 (1.0.0)
    package36304 (1.0.0)
    package36305 (1.0.0)
    package36306 (1.0.0)
    package36307 (1.0.0)
    package36308 (1.0.0)
    package36309 (1.0.0)
    package36310 (1.0.0)
    package36311 (1.0.0)
    package36312 (1.0.0)
    package36313 (1.0.0)
    package36314 (1.0.0)
    package36315 (1.0.0)
    package36316 (1.0.0)
    package36317 (1.0.0)
    package36318 (1.0.0)
    package36319 (1.0.0)
    package36320 (1.0.0)
    package36321 (1.0.0)
    package36322 (1.0.0)
    package36323 (1.0.0)
    package36324 (1.0.0)
    package36325 (1.0.0)
    package36326 (1.0.0)
    package36327 (1.0.0)
    package36328 (1.0.0)
    package36329 (1.0.0)
    package36330 (1.0.0)
    package36331 (1.0.0)
    package36332 (1.0.0)
    package36333 (1.0.0)
    package36334 (1.0.0)
    package36335 (1.0.0)
    package36336 (1.0.0)
    package36337 (1.0.0)
    package36338 (1.0.0)
    package36339 (1.0.0)
    package36340 (1.0.0)
    package36341 (1.0.0)
    package36342 (1.0.0)
    package36343 (1.0.0)
    package36344 (1.0.0)
    package36345 (1.0.0)
    package36346 (1.0.0)
    package36347 (1.0.0)
    package36348 (1.0.0)
    package36349 (1.0.0)
    package36350 (1.0.0)
    package36351 (1.0.0)
    package36352 (1.0.0)
    package36353 (1.0.0)
    package36354 (1.0.0)
    package36355 (1.0.0)
    package36356 (1.0.0)
    package36357 (1.0.0)
    package36358 (1.0.0)
    package36359 (1.0.0)
    package36360 (1.0.0)
    package36361 (1.0.0)
    package36362 (1.0.0)
    package36363 (1.0.0)
    package36364 (1.0.0)
    package36365 (1.0.0)
    package36366 (1.0.0)
    package36367 (1.0.0)
    package36368 (1.0.0)
    package36369 (1.0.0)
    package36370 (1.0.0)
    package36371 (1.0.0)
    package36372 (1.0.0)
    package36373 (1.0.0)
    package36374 (1.0.0)
    package36375 (1.0.0)
    package36376 (1.0.0)
    package36377 (1.0.0)
    package36378 (1.0.0)
    package36379 (1.0.0)
    package36380 (1.0.0)
    package36381 (1.0.0)
    package36382 (1.0.0)
    package36383 (1.0.0)
    package36384 (1.0.0)
    package36385 (1.0.0)
    package36386 (1.0.0)
    package36387 (1.0.0)
    package36388 (1.0.0)
    package36389 (1.0.0)
    package36390 (1.0.0)
    package36391 (1.0.0)
    package36392 (1.0.0)
    package36393 (1.0.0)
    package36394 (1.0.0)
    package36395 (1.0.0)
    package36396 (1.0.0)
    package36397 (1.0.0)
    package36398 (1.0.0)
    package36399 (1.0.0)
    package36400 (1.0.0)
    package36401 (1.0.0)
    package36402 (1.0.0)
    package36403 (1.0.0)
    package36404 (1.0.0)
    package36405 (1.0.0)
    package36406 (1.0.0)
    package36407 (1.0.0)
    package36408 (1.0.0)
    package36409 (1.0.0)
    package36410 (1.0.0)
    package36411 (1.0.0)
    package36412 (1.0.0)
    package36413 (1.0.0)
    package36414 (1.0.0)
    package36415 (1.0.0)
    package36416 (1.0.0)
    package36417 (1.0.0)
    package36418 (1.0.0)
    package36419 (1.0.0)
    package36420 (1.0.0)
    package36421 (1.0.0)
    package36422 (1.0.0)
    package36423 (1.0.0)
    package36424 (1.0.0)
    package36425 (1.0.0)
    package36426 (1.0.0)
    package36427 (1.0.0)
    package36428 (1.0.0)
    package36429 (1.0.0)
    package36430 (1.0.0)
    package36431 (1.0.0)
    package36432 (1.0.0)
    package36433 (1.0.0)
    package36434 (1.0.0)
    package36435 (1.0.0)
    package36436 (1.0.0)
    package36437 (1.0.0)
    package36438 (1.0.0)
    package36439 (1.0.0)
    package36440 (1.0.0)
    package36441 (1.0.0)
    package36442 (1.0.0)
    package36443 (1.0.0)
    package36444 (1.0.0)
    package36445 (1.0.0)
    package36446 (1.0.0)
    package36447 (1.0.0)
    package36448 (1.0.0)
    package36449 (1.0.0)
    package36450 (1.0.0)
    package36451 (1.0.0)
    package36452 (1.0.0)
    package36453 (1.0.0)
    package36454 (1.0.0)
    package36455 (1.0.0)
    package36456 (1.0.0)
    package36457 (1.0.0)
    package36458 (1.0.0)
    package36459 (1.0.0)
    package36460 (1.0.0)
    package36461 (1.0.0)
    package36462 (1.0.0)
    package36463 (1.0.0)
    package36464 (1.0.0)
    package36465 (1.0.0)
    package36466 (1.0.0)
    package36467 (1.0.0)
    package36468 (1.0.0)
    package36469 (1.0.0)
    package36470 (1.0.0)
    package36471 (1.0.0)
    package36472 (1.0.0)
    package36473 (1.0.0)
    package36474 (1.0.0)
    package36475 (1.0.0)
    package36476 (1.0.0)
    package36477 (1.0.0)
    package36478 (1.0.0)
    package36479 (1.0.0)
    package36480 (1.0.0)
    package36481 (1.0.0)
    package36482 (1.0.0)
    package36483 (1.0.0)
    package36484 (1.0.0)
    package36485 (1.0.0)
    package36486 (1.0.0)
    package36487 (1.0.0)
    package36488 (1.0.0)
    package36489 (1.0.0)
    package36490 (1.0.0)
    package36491 (1.0.0)
    package36492 (1.0.0)
    package36493 (1.0.0)
    package36494 (1.0.0)
    package36495 (1.0.0)
    package36496 (1.0.0)
    package36497 (1.0.0)
    package36498 (1.0.0)
    package36499 (1.0.0)
    package36500 (1.0.0)
    package36501 (1.0.0)
    package36502 (1.0.0)
    package36503 (1.0.0)
    package36504 (1.0.0)
    package36505 (1.0.0)
    package36506 (1.0.0)
    package36507 (1.0.0)
    package36508 (1.0.0)
    package36509 (1.0.0)
    package36510 (1.0.0)
    package36511 (1.0.0)
    package36512 (1.0.0)
    package36513 (1.0.0)
    package36514 (1.0.0)
    package36515 (1.0.0)
    package36516 (1.0.0)
    package36517 (1.0.0)
    package36518 (1.0.0)
    package36519 (1.0.0)
    package36520 (1.0.0)
    package36521 (1.0.0)
    package36522 (1.0.0)
    package36523 (1.0.0)
    package36524 (1.0.0)
    package36525 (1.0.0)
    package36526 (1.0.0)
    package36527 (1.0.0)
    package36528 (1.0.0)
    package36529 (1.0.0)
    package36530 (1.0.0)
    package36531 (1.0.0)
    package36532 (1.0.0)
    package36533 (1.0.0)
    package36534 (1.0.0)
    package36535 (1.0.0)
    package36536 (1.0.0)
    package36537 (1.0.0)
    package36538 (1.0.0)
    package36539 (1.0.0)
    package36540 (1.0.0)
    package36541 (1.0.0)
    package36542 (1.0.0)
    package36543 (1.0.0)
    package36544 (1.0.0)
    package36545 (1.0.0)
    package36546 (1.0.0)
    package36547 (1.0.0)
    package36548 (1.0.0)
    package36549 (1.0.0)
    package36550 (1.0.0)
    package36551 (1.0.0)
    package36552 (1.0.0)
    package36553 (1.0.0)
    package36554 (1.0.0)
    package36555 (1.0.0)
    package36556 (1.0.0)
    package36557 (1.0.0)
    package36558 (1.0.0)
    package36559 (1.0.0)
    package36560 (1.0.0)
    package36561 (1.0.0)
    package36562 (1.0.0)
    package36563 (1.0.0)
    package36564 (1.0.0)
    package36565 (1.0.0)
    package36566 (1.0.0)
    package36567 (1.0.0)
    package36568 (1.0.0)
    package36569 (1.0.0)
    package36570 (1.0.0)
    package36571 (1.0.0)
    package36572 (1.0.0)
    package36573 (1.0.0)
    package36574 (1.0.0)
    package36575 (1.0.0)
    package36576 (1.0.0)
    package36577 (1.0.0)
    package36578 (1.0.0)
    package36579 (1.0.0)
    package36580 (1.0.0)
    package36581 (1.0.0)
    package36582 (1.0.0)
    package36583 (1.0.0)
    package36584 (1.0.0)
    package36585 (1.0.0)
    package36586 (1.0.0)
    package36587 (1.0.0)
    package36588 (1.0.0)
    package36589 (1.0.0)
    package36590 (1.0.0)
    package36591 (1.0.0)
    package36592 (1.0.0)
    package36593 (1.0.0)
    package36594 (1.0.0)
    package36595 (1.0.0)
    package36596 (1.0.0)
    package36597 (1.0.0)
    package36598 (1.0.0)
    package36599 (1.0.0)
    package36600 (1.0.0)
    package36601 (1.0.0)
    package36602 (1.0.0)
    package36603 (1.0.0)
    package36604 (1.0.0)
    package36605 (1.0.0)
    package36606 (1.0.0)
    package36607 (1.0.0)
    package36608 (1.0.0)
    package36609 (1.0.0)
    package36610 (1.0.0)
    package36611 (1.0.0)
    package36612 (1.0.0)
    package36613 (1.0.0)
    package36614 (1.0.0)
    package36615 (1.0.0)
    package36616 (1.0.0)
    package36617 (1.0.0)
    package36618 (1.0.0)
    package36619 (1.0.0)
    package36620 (1.0.0)
    package36621 (1.0.0)
    package36622 (1.0.0)
    package36623 (1.0.0)
    package36624 (1.0.0)
    package36625 (1.0.0)
    package36626 (1.0.0)
    package36627 (1.0.0)
    package36628 (1.0.0)
    package36629 (1.0.0)
    package36630 (1.0.0)
    package36631 (1.0.0)
    package36632 (1.0.0)
    package36633 (1.0.0)
    package36634 (1.0.0)
    package36635 (1.0.0)
    package36636 (1.0.0)
    package36637 (1.0.0)
    package36638 (1.0.0)
    package36639 (1.0.0)
    package36640 (1.0.0)
    package36641 (1.0.0)
    package36642 (1.0.0)
    package36643 (1.0.0)
    package36644 (1.0.0)
    package36645 (1.0.0)
    package36646 (1.0.0)
    package36647 (1.0.0)
    package36648 (1.0.0)
    package36649 (1.0.0)
    package36650 (1.0.0)
    package36651 (1.0.0)
    package36652 (1.0.0)
    package36653 (1.0.0)
    package36654 (1.0.0)
    package36655 (1.0.0)
    package36656 (1.0.0)
    package36657 (1.0.0)
    package36658 (1.0.0)
    package36659 (1.0.0)
    package36660 (1.0.0)
    package36661 (1.0.0)
    package36662 (1.0.0)
    package36663 (1.0.0)
    package36664 (1.0.0)
    package36665 (1.0.0)
    package36666 (1.0.0)
    package36667 (1.0.0)
    package36668 (1.0.0)
    package36669 (1.0.0)
    package36670 (1.0.0)
    package36671 (1.0.0)
    package36672 (1.0.0)
    package36673 (1.0.0)
    package36674 (1.0.0)
    package36675 (1.0.0)
    package36676 (1.0.0)
    package36677 (1.0.0)
    package36678 (1.0.0)
    package36679 (1.0.0)
    package36680 (1.0.0)
    package36681 (1.0.0)
    package36682 (1.0.0)
    package36683 (1.0.0)
    package36684 (1.0.0)
    package36685 (1.0.0)
    package36686 (1.0.0)
    package36687 (1.0.0)
    package36688 (1.0.0)
    package36689 (1.0.0)
    package36690 (1.0.0)
    package36691 (1.0.0)
    package36692 (1.0.0)
    package36693 (1.0.0)
    package36694 (1.0.0)
    package36695 (1.0.0)
    package36696 (1.0.0)
    package36697 (1.0.0)
    package36698 (1.0.0)
    package36699 (1.0.0)
    package36700 (1.0.0)
    package36701 (1.0.0)
    package36702 (1.0.0)
    package36703 (1.0.0)
    package36704 (1.0.0)
    package36705 (1.0.0)
    package36706 (1.0.0)
    package36707 (1.0.0)
    package36708 (1.0.0)
    package36709 (1.0.0)
    package36710 (1.0.0)
    package36711 (1.0.0)
    package36712 (1.0.0)
    package36713 (1.0.0)
    package36714 (1.0.0)
    package36715 (1.0.0)
    package36716 (1.0.0)
    package36717 (1.0.0)
    package36718 (1.0.0)
    package36719 (1.0.0)
    package36720 (1.0.0)
    package36721 (1.0.0)
    package36722 (1.0.0)
    package36723 (1.0.0)
    package36724 (1.0.0)
    package36725 (1.0.0)
    package36726 (1.0.0)
    package36727 (1.0.0)
    package36728 (1.0.0)
    package36729 (1.0.0)
    package36730 (1.0.0)
    package36731 (1.0.0)
    package36732 (1.0.0)
    package36733 (1.0.0)
    package36734 (1.0.0)
    package36735 (1.0.0)
    package36736 (1.0.0)
    package36737 (1.0.0)
    package36738 (1.0.0)
    package36739 (1.0.0)
    package36740 (1.0.0)
    package36741 (1.0.0)
    package36742 (1.0.0)
    package36743 (1.0.0)
    package36744 (1.0.0)
    package36745 (1.0.0)
    package36746 (1.0.0)
    package36747 (1.0.0)
    package36748 (1.0.0)
    package36749 (1.0.0)
    package36750 (1.0.0)
    package36751 (1.0.0)
    package36752 (1.0.0)
    package36753 (1.0.0)
    package36754 (1.0.0)
    package36755 (1.0.0)
    package36756 (1.0.0)
    package36757 (1.0.0)
    package36758 (1.0.0)
    package36759 (1.0.0)
    package36760 (1.0.0)
    package36761 (1.0.0)
    package36762 (1.0.0)
    package36763 (1.0.0)
    package36764 (1.0.0)
    package36765 (1.0.0)
    package36766 (1.0.0)
    package36767 (1.0.0)
    package36768 (1.0.0)
    package36769 (1.0.0)
    package36770 (1.0.0)
    package36771 (1.0.0)
    package36772 (1.0.0)
    package36773 (1.0.0)
    package36774 (1.0.0)
    package36775 (1.0.0)
    package36776 (1.0.0)
    package36777 (1.0.0)
    package36778 (1.0.0)
    package36779 (1.0.0)
    package36780 (1.0.0)
    package36781 (1.0.0)
    package36782 (1.0.0)
    package36783 (1.0.0)
    package36784 (1.0.0)
    package36785 (1.0.0)
    package36786 (1.0.0)
    package36787 (1.0.0)
    package36788 (1.0.0)
    package36789 (1.0.0)
    package36790 (1.0.0)
    package36791 (1.0.0)
    package36792 (1.0.0)
    package36793 (1.0.0)
    package36794 (1.0.0)
    package36795 (1.0.0)
    package36796 (1.0.0)
    package36797 (1.0.0)
    package36798 (1.0.0)
    package36799 (1.0.0)
    package36800 (1.0.0)
    package36801 (1.0.0)
    package36802 (1.0.0)
    package36803 (1.0.0)
    package36804 (1.0.0)
    package36805 (1.0.0)
    package36806 (1.0.0)
    package36807 (1.0.0)
    package36808 (1.0.0)
    package36809 (1.0.0)
    package36810 (1.0.0)
    package36811 (1.0.0)
    package36812 (1.0.0)
    package36813 (1.0.0)
    package36814 (1.0.0)
    package36815 (1.0.0)
    package36816 (1.0.0)
    package36817 (1.0.0)
    package36818 (1.0.0)
    package36819 (1.0.0)
    package36820 (1.0.0)
    package36821 (1.0.0)
    package36822 (1.0.0)
    package36823 (1.0.0)
    package36824 (1.0.0)
    package36825 (1.0.0)
    package36826 (1.0.0)
    package36827 (1.0.0)
    package36828 (1.0.0)
    package36829 (1.0.0)
    package36830 (1.0.0)
    package36831 (1.0.0)
    package36832 (1.0.0)
    package36833 (1.0.0)
    package36834 (1.0.0)
    package36835 (1.0.0)
    package36836 (1.0.0)
    package36837 (1.0.0)
    package36838 (1.0.0)
    package36839 (1.0.0)
    package36840 (1.0.0)
    package36841 (1.0.0)
    package36842 (1.0.0)
    package36843 (1.0.0)
    package36844 (1.0.0)
    package36845 (1.0.0)
    package36846 (1.0.0)
    package36847 (1.0.0)
    package36848 (1.0.0)
    package36849 (1.0.0)
    package36850 (1.0.0)
    package36851 (1.0.0)
    package36852 (1.0.0)
    package36853 (1.0.0)
    package36854 (1.0.0)
    package36855 (1.0.0)
    package36856 (1.0.0)
    package36857 (1.0.0)
    package36858 (1.0.0)
    package36859 (1.0.0)
    package36860 (1.0.0)
    package36861 (1.0.0)
    package36862 (1.0.0)
    package36863 (1.0.0)
    package36864 (1.0.0)
    package36865 (1.0.0)
    package36866 (1.0.0)
    package36867 (1.0.0)
    package36868 (1.0.0)
    package36869 (1.0.0)
    package36870 (1.0.0)
    package36871 (1.0.0)
    package36872 (1.0.0)
    package36873 (1.0.0)
    package36874 (1.0.0)
    package36875 (1.0.0)
    package36876 (1.0.0)
    package36877 (1.0.0)
    package36878 (1.0.0)
    package36879 (1.0.0)
    package36880 (1.0.0)
    package36881 (1.0.0)
    package36882 (1.0.0)
    package36883 (1.0.0)
    package36884 (1.0.0)
    package36885 (1.0.0)
    package36886 (1.0.0)
    package36887 (1.0.0)
    package36888 (1.0.0)
    package36889 (1.0.0)
    package36890 (1.0.0)
    package36891 (1.0.0)
    package36892 (1.0.0)
    package36893 (1.0.0)
    package36894 (1.0.0)
    package36895 (1.0.0)
    package36896 (1.0.0)
    package36897 (1.0.0)
    package36898 (1.0.0)
    package36899 (1.0.0)
    package36900 (1.0.0)
    package36901 (1.0.0)
    package36902 (1.0.0)
    package36903 (1.0.0)
    package36904 (1.0.0)
    package36905 (1.0.0)
    package36906 (1.0.0)
    package36907 (1.0.0)
    package36908 (1.0.0)
    package36909 (1.0.0)
    package36910 (1.0.0)
    package36911 (1.0.0)
    package36912 (1.0.0)
    package36913 (1.0.0)
    package36914 (1.0.0)
    package36915 (1.0.0)
    package36916 (1.0.0)
    package36917 (1.0.0)
    package36918 (1.0.0)
    package36919 (1.0.0)
    package36920 (1.0.0)
    package36921 (1.0.0)
    package36922 (1.0.0)
    package36923 (1.0.0)
    package36924 (1.0.0)
    package36925 (1.0.0)
    package36926 (1.0.0)
    package36927 (1.0.0)
    package36928 (1.0.0)
    package36929 (1.0.0)
    package36930 (1.0.0)
    package36931 (1.0.0)
    package36932 (1.0.0)
    package36933 (1.0.0)
    package36934 (1.0.0)
    package36935 (1.0.0)
    package36936 (1.0.0)
    package36937 (1.0.0)
    package36938 (1.0.0)
    package36939 (1.0.0)
    package36940 (1.0.0)
    package36941 (1.0.0)
    package36942 (1.0.0)
    package36943 (1.0.0)
    package36944 (1.0.0)
    package36945 (1.0.0)
    package36946 (1.0.0)
    package36947 (1.0.0)
    package36948 (1.0.0)
    package36949 (1.0.0)
    package36950 (1.0.0)
    package36951 (1.0.0)
    package36952 (1.0.0)
    package36953 (1.0.0)
    package36954 (1.0.0)
    package36955 (1.0.0)
    package36956 (1.0.0)
    package36957 (1.0.0)
    package36958 (1.0.0)
    package36959 (1.0.0)
    package36960 (1.0.0)
    package36961 (1.0.0)
    package36962 (1.0.0)
    package36963 (1.0.0)
    package36964 (1.0.0)
    package36965 (1.0.0)
    package36966 (1.0.0)
    package36967 (1.0.0)
    package36968 (1.0.0)
    package36969 (1.0.0)
    package36970 (1.0.0)
    package36971 (1.0.0)
    package36972 (1.0.0)
    package36973 (1.0.0)
    package36974 (1.0.0)
    package36975 (1.0.0)
    package36976 (1.0.0)
    package36977 (1.0.0)
    package36978 (1.0.0)
    package36979 (1.0.0)
    package36980 (1.0.0)
    package36981 (1.0.0)
    package36982 (1.0.0)
    package36983 (1.0.0)
    package36984 (1.0.0)
    package36985 (1.0.0)
    package36986 (1.0.0)
    package36987 (1.0.0)
    package36988 (1.0.0)
    package36989 (1.0.0)
    package36990 (1.0.0)
    package36991 (1.0.0)
    package36992 (1.0.0)
    package36993 (1.0.0)
    package36994 (1.0.0)
    package36995 (1.0.0)
    package36996 (1.0.0)
    package36997 (1.0.0)
    package36998 (1.0.0)
    package36999 (1.0.0)
    package37000 (1.0.0)
    package37001 (1.0.0)
    package37002 (1.0.0)
    package37003 (1.0.0)
    package37004 (1.0.0)
    package37005 (1.0.0)
    package37006 (1.0.0)
    package37007 (1.0.0)
    package37008 (1.0.0)
    package37009 (1.0.0)
    package37010 (1.0.0)
    package37011 (1.0.0)
    package37012 (1.0.0)
    package37013 (1.0.0)
    package37014 (1.0.0)
    package37015 (1.0.0)
    package37016 (1.0.0)
    package37017 (1.0.0)
    package37018 (1.0.0)
    package37019 (1.0.0)
    package37020 (1.0.0)
    package37021 (1.0.0)
    package37022 (1.0.0)
    package37023 (1.0.0)
    package37024 (1.0.0)
    package37025 (1.0.0)
    package37026 (1.0.0)
    package37027 (1.0.0)
    package37028 (1.0.0)
    package37029 (1.0.0)
    package37030 (1.0.0)
    package37031 (1.0.0)
    package37032 (1.0.0)
    package37033 (1.0.0)
    package37034 (1.0.0)
    package37035 (1.0.0)
    package37036 (1.0.0)
    package37037 (1.0.0)
    package37038 (1.0.0)
    package37039 (1.0.0)
    package37040 (1.0.0)
    package37041 (1.0.0)
    package37042 (1.0.0)
    package37043 (1.0.0)
    package37044 (1.0.0)
    package37045 (1.0.0)
    package37046 (1.0.0)
    package37047 (1.0.0)
    package37048 (1.0.0)
    package37049 (1.0.0)
    package37050 (1.0.0)
    package37051 (1.0.0)
    package37052 (1.0.0)
    package37053 (1.0.0)
    package37054 (1.0.0)
    package37055 (1.0.0)
    package37056 (1.0.0)
    package37057 (1.0.0)
    package37058 (1.0.0)
    package37059 (1.0.0)
    package37060 (1.0.0)
    package37061 (1.0.0)
    package37062 (1.0.0)
    package37063 (1.0.0)
    package37064 (1.0.0)
    package37065 (1.0.0)
    package37066 (1.0.0)
    package37067 (1.0.0)
    package37068 (1.0.0)
    package37069 (1.0.0)
    package37070 (1.0.0)
    package37071 (1.0.0)
    package37072 (1.0.0)
    package37073 (1.0.0)
    package37074 (1.0.0)
    package37075 (1.0.0)
    package37076 (1.0.0)
    package37077 (1.0.0)
    package37078 (1.0.0)
    package37079 (1.0.0)
    package37080 (1.0.0)
    package37081 (1.0.0)
    package37082 (1.0.0)
    package37083 (1.0.0)
    package37084 (1.0.0)
    package37085 (1.0.0)
    package37086 (1.0.0)
    package37087 (1.0.0)
    package37088 (1.0.0)
    package37089 (1.0.0)
    package37090 (1.0.0)
    package37091 (1.0.0)
    package37092 (1.0.0)
    package37093 (1.0.0)
    package37094 (1.0.0)
    package37095 (1.0.0)
    package37096 (1.0.0)
    package37097 (1.0.0)
    package37098 (1.0.0)
    package37099 (1.0.0)
    package37100 (1.0.0)
    package37101 (1.0.0)
    package37102 (1.0.0)
    package37103 (1.0.0)
    package37104 (1.0.0)
    package37105 (1.0.0)
    package37106 (1.0.0)
    package37107 (1.0.0)
    package37108 (1.0.0)
    package37109 (1.0.0)
    package37110 (1.0.0)
    package37111 (1.0.0)
    package37112 (1.0.0)
    package37113 (1.0.0)
    package37114 (1.0.0)
    package37115 (1.0.0)
    package37116 (1.0.0)
    package37117 (1.0.0)
    package37118 (1.0.0)
    package37119 (1.0.0)
    package37120 (1.0.0)
    package37121 (1.0.0)
    package37122 (1.0.0)
    package37123 (1.0.0)
    package37124 (1.0.0)
    package37125 (1.0.0)
    package37126 (1.0.0)
    package37127 (1.0.0)
    package37128 (1.0.0)
    package37129 (1.0.0)
    package37130 (1.0.0)
    package37131 (1.0.0)
    package37132 (1.0.0)
    package37133 (1.0.0)
    package37134 (1.0.0)
    package37135 (1.0.0)
    package37136 (1.0.0)
    package37137 (1.0.0)
    package37138 (1.0.0)
    package37139 (1.0.0)
    package37140 (1.0.0)
    package37141 (1.0.0)
    package37142 (1.0.0)
    package37143 (1.0.0)
    package37144 (1.0.0)
    package37145 (1.0.0)
    package37146 (1.0.0)
    package37147 (1.0.0)
    package37148 (1.0.0)
    package37149 (1.0.0)
    package37150 (1.0.0)
    package37151 (1.0.0)
    package37152 (1.0.0)
    package37153 (1.0.0)
    package37154 (1.0.0)
    package37155 (1.0.0)
    package37156 (1.0.0)
    package37157 (1.0.0)
    package37158 (1.0.0)
    package37159 (1.0.0)
    package37160 (1.0.0)
    package37161 (1.0.0)
    package37162 (1.0.0)
    package37163 (1.0.0)
    package37164 (1.0.0)
    package37165 (1.0.0)
    package37166 (1.0.0)
    package37167 (1.0.0)
    package37168 (1.0.0)
    package37169 (1.0.0)
    package37170 (1.0.0)
    package37171 (1.0.0)
    package37172 (1.0.0)
    package37173 (1.0.0)
    package37174 (1.0.0)
    package37175 (1.0.0)
    package37176 (1.0.0)
    package37177 (1.0.0)
    package37178 (1.0.0)
    package37179 (1.0.0)
    package37180 (1.0.0)
    package37181 (1.0.0)
    package37182 (1.0.0)
    package37183 (1.0.0)
    package37184 (1.0.0)
    package37185 (1.0.0)
    package37186 (1.0.0)
    package37187 (1.0.0)
    package37188 (1.0.0)
    package37189 (1.0.0)
    package37190 (1.0.0)
    package37191 (1.0.0)
    package37192 (1.0.0)
    package37193 (1.0.0)
    package37194 (1.0.0)
    package37195 (1.0.0)
    package37196 (1.0.0)
    package37197 (1.0.0)
    package37198 (1.0.0)
    package37199 (1.0.0)
    package37200 (1.0.0)
    package37201 (1.0.0)
    package37202 (1.0.0)
    package37203 (1.0.0)
    package37204 (1.0.0)
    package37205 (1.0.0)
    package37206 (1.0.0)
    package37207 (1.0.0)
    package37208 (1.0.0)
    package37209 (1.0.0)
    package37210 (1.0.0)
    package37211 (1.0.0)
    package37212 (1.0.0)
    package37213 (1.0.0)
    package37214 (1.0.0)
    package37215 (1.0.0)
    package37216 (1.0.0)
    package37217 (1.0.0)
    package37218 (1.0.0)
    package37219 (1.0.0)
    package37220 (1.0.0)
    package37221 (1.0.0)
    package37222 (1.0.0)
    package37223 (1.0.0)
    package37224 (1.0.0)
    package37225 (1.0.0)
    package37226 (1.0.0)
    package37227 (1.0.0)
    package37228 (1.0.0)
    package37229 (1.0.0)
    package37230 (1.0.0)
    package37231 (1.0.0)
    package37232 (1.0.0)
    package37233 (1.0.0)
    package37234 (1.0.0)
    package37235 (1.0.0)
    package37236 (1.0.0)
    package37237 (1.0.0)
    package37238 (1.0.0)
    package37239 (1.0.0)
    package37240 (1.0.0)
    package37241 (1.0.0)
    package37242 (1.0.0)
    package37243 (1.0.0)
    package37244 (1.0.0)
    package37245 (1.0.0)
    package37246 (1.0.0)
    package37247 (1.0.0)
    package37248 (1.0.0)
    package37249 (1.0.0)
    package37250 (1.0.0)
    package37251 (1.0.0)
    package37252 (1.0.0)
    package37253 (1.0.0)
    package37254 (1.0.0)
    package37255 (1.0.0)
    package37256 (1.0.0)
    package37257 (1.0.0)
    package37258 (1.0.0)
    package37259 (1.0.0)
    package37260 (1.0.0)
    package37261 (1.0.0)
    package37262 (1.0.0)
    package37263 (1.0.0)
    package37264 (1.0.0)
    package37265 (1.0.0)
    package37266 (1.0.0)
    package37267 (1.0.0)
    package37268 (1.0.0)
    package37269 (1.0.0)
    package37270 (1.0.0)
    package37271 (1.0.0)
    package37272 (1.0.0)
    package37273 (1.0.0)
    package37274 (1.0.0)
    package37275 (1.0.0)
    package37276 (1.0.0)
    package37277 (1.0.0)
    package37278 (1.0.0)
    package37279 (1.0.0)
    package37280 (1.0.0)
    package37281 (1.0.0)
    package37282 (1.0.0)
    package37283 (1.0.0)
    package37284 (1.0.0)
    package37285 (1.0.0)
    package37286 (1.0.0)
    package37287 (1.0.0)
    package37288 (1.0.0)
    package37289 (1.0.0)
    package37290 (1.0.0)
    package37291 (1.0.0)
    package37292 (1.0.0)
    package37293 (1.0.0)
    package37294 (1.0.0)
    package37295 (1.0.0)
    package37296 (1.0.0)
    package37297 (1.0.0)
    package37298 (1.0.0)
    package37299 (1.0.0)
    package37300 (1.0.0)
    package37301 (1.0.0)
    package37302 (1.0.0)
    package37303 (1.0.0)
    package37304 (1.0.0)
    package37305 (1.0.0)
    package37306 (1.0.0)
    package37307 (1.0.0)
    package37308 (1.0.0)
    package37309 (1.0.0)
    package37310 (1.0.0)
    package37311 (1.0.0)
    package37312 (1.0.0)
    package37313 (1.0.0)
    package37314 (1.0.0)
    package37315 (1.0.0)
    package37316 (1.0.0)
    package37317 (1.0.0)
    package37318 (1.0.0)
    package37319 (1.0.0)
    package37320 (1.0.0)
    package37321 (1.0.0)
    package37322 (1.0.0)
    package37323 (1.0.0)
    package37324 (1.0.0)
    package37325 (1.0.0)
    package37326 (1.0.0)
    package37327 (1.0.0)
    package37328 (1.0.0)
    package37329 (1.0.0)
    package37330 (1.0.0)
    package37331 (1.0.0)
    package37332 (1.0.0)
    package37333 (1.0.0)
    package37334 (1.0.0)
    package37335 (1.0.0)
    package37336 (1.0.0)
    package37337 (1.0.0)
    package37338 (1.0.0)
    package37339 (1.0.0)
    package37340 (1.0.0)
    package37341 (1.0.0)
    package37342 (1.0.0)
    package37343 (1.0.0)
    package37344 (1.0.0)
    package37345 (1.0.0)
    package37346 (1.0.0)
    package37347 (1.0.0)
    package37348 (1.0.0)
    package37349 (1.0.0)
    package37350 (1.0.0)
    package37351 (1.0.0)
    package37352 (1.0.0)
    package37353 (1.0.0)
    package37354 (1.0.0)
    package37355 (1.0.0)
    package37356 (1.0.0)
    package37357 (1.0.0)
    package37358 (1.0.0)
    package37359 (1.0.0)
    package37360 (1.0.0)
    package37361 (1.0.0)
    package37362 (1.0.0)
    package37363 (1.0.0)
    package37364 (1.0.0)
    package37365 (1.0.0)
    package37366 (1.0.0)
    package37367 (1.0.0)
    package37368 (1.0.0)
    package37369 (1.0.0)
    package37370 (1.0.0)
    package37371 (1.0.0)
    package37372 (1.0.0)
    package37373 (1.0.0)
    package37374 (1.0.0)
    package37375 (1.0.0)
    package37376 (1.0.0)
    package37377 (1.0.0)
    package37378 (1.0.0)
    package37379 (1.0.0)
    package37380 (1.0.0)
    package37381 (1.0.0)
    package37382 (1.0.0)
    package37383 (1.0.0)
    package37384 (1.0.0)
    package37385 (1.0.0)
    package37386 (1.0.0)
    package37387 (1.0.0)
    package37388 (1.0.0)
    package37389 (1.0.0)
    package37390 (1.0.0)
    package37391 (1.0.0)
    package37392 (1.0.0)
    package37393 (1.0.0)
    package37394 (1.0.0)
    package37395 (1.0.0)
    package37396 (1.0.0)
    package37397 (1.0.0)
    package37398 (1.0.0)
    package37399 (1.0.0)
    package37400 (1.0.0)
    package37401 (1.0.0)
    package37402 (1.0.0)
    package37403 (1.0.0)
    package37404 (1.0.0)
    package37405 (1.0.0)
    package37406 (1.0.0)
    package37407 (1.0.0)
    package37408 (1.0.0)
    package37409 (1.0.0)
    package37410 (1.0.0)
    package37411 (1.0.0)
    package37412 (1.0.0)
    package37413 (1.0.0)
    package37414 (1.0.0)
    package37415 (1.0.0)
    package37416 (1.0.0)
    package37417 (1.0.0)
    package37418 (1.0.0)
    package37419 (1.0.0)
    package37420 (1.0.0)
    package37421 (1.0.0)
    package37422 (1.0.0)
    package37423 (1.0.0)
    package37424 (1.0.0)
    package37425 (1.0.0)
    package37426 (1.0.0)
    package37427 (1.0.0)
    package37428 (1.0.0)
    package37429 (1.0.0)
    package37430 (1.0.0)
    package37431 (1.0.0)
    package37432 (1.0.0)
    package37433 (1.0.0)
    package37434 (1.0.0)
    package37435 (1.0.0)
    package37436 (1.0.0)
    package37437 (1.0.0)
    package37438 (1.0.0)
    package37439 (1.0.0)
    package37440 (1.0.0)
    package37441 (1.0.0)
    package37442 (1.0.0)
    package37443 (1.0.0)
    package37444 (1.0.0)
    package37445 (1.0.0)
    package37446 (1.0.0)
    package37447 (1.0.0)
    package37448 (1.0.0)
    package37449 (1.0.0)
    package37450 (1.0.0)
    package37451 (1.0.0)
    package37452 (1.0.0)
    package37453 (1.0.0)
    package37454 (1.0.0)
    package37455 (1.0.0)
    package37456 (1.0.0)
    package37457 (1.0.0)
    package37458 (1.0.0)
    package37459 (1.0.0)
    package37460 (1.0.0)
    package37461 (1.0.0)
    package37462 (1.0.0)
    package37463 (1.0.0)
    package37464 (1.0.0)
    package37465 (1.0.0)
    package37466 (1.0.0)
    package37467 (1.0.0)
    package37468 (1.0.0)
    package37469 (1.0.0)
    package37470 (1.0.0)
    package37471 (1.0.0)
    package37472 (1.0.0)
    package37473 (1.0.0)
    package37474 (1.0.0)
    package37475 (1.0.0)
    package37476 (1.0.0)
    package37477 (1.0.0)
    package37478 (1.0.0)
    package37479 (1.0.0)
    package37480 (1.0.0)
    package37481 (1.0.0)
    package37482 (1.0.0)
    package37483 (1.0.0)
    package37484 (1.0.0)
    package37485 (1.0.0)
    package37486 (1.0.0)
    package37487 (1.0.0)
    package37488 (1.0.0)
    package37489 (1.0.0)
    package37490 (1.0.0)
    package37491 (1.0.0)
    package37492 (1.0.0)
    package37493 (1.0.0)
    package37494 (1.0.0)
    package37495 (1.0.0)
    package37496 (1.0.0)
    package37497 (1.0.0)
    package37498 (1.0.0)
    package37499 (1.0.0)
    package37500 (1.0.0)
    package37501 (1.0.0)
    package37502 (1.0.0)
    package37503 (1.0.0)
    package37504 (1.0.0)
    package37505 (1.0.0)
    package37506 (1.0.0)
    package37507 (1.0.0)
    package37508 (1.0.0)
    package37509 (1.0.0)
    package37510 (1.0.0)
    package37511 (1.0.0)
    package37512 (1.0.0)
    package37513 (1.0.0)
    package37514 (1.0.0)
    package37515 (1.0.0)
    package37516 (1.0.0)
    package37517 (1.0.0)
    package37518 (1.0.0)
    package37519 (1.0.0)
    package37520 (1.0.0)
    package37521 (1.0.0)
    package37522 (1.0.0)
    package37523 (1.0.0)
    package37524 (1.0.0)
    package37525 (1.0.0)
    package37526 (1.0.0)
    package37527 (1.0.0)
    package37528 (1.0.0)
    package37529 (1.0.0)
    package37530 (1.0.0)
    package37531 (1.0.0)
    package37532 (1.0.0)
    package37533 (1.0.0)
    package37534 (1.0.0)
    package37535 (1.0.0)
    package37536 (1.0.0)
    package37537 (1.0.0)
    package37538 (1.0.0)
    package37539 (1.0.0)
    package37540 (1.0.0)
    package37541 (1.0.0)
    package37542 (1.0.0)
    package37543 (1.0.0)
    package37544 (1.0.0)
    package37545 (1.0.0)
    package37546 (1.0.0)
    package37547 (1.0.0)
    package37548 (1.0.0)
    package37549 (1.0.0)
    package37550 (1.0.0)
    package37551 (1.0.0)
    package37552 (1.0.0)
    package37553 (1.0.0)
    package37554 (1.0.0)
    package37555 (1.0.0)
    package37556 (1.0.0)
    package37557 (1.0.0)
    package37558 (1.0.0)
    package37559 (1.0.0)
    package37560 (1.0.0)
    package37561 (1.0.0)
    package37562 (1.0.0)
    package37563 (1.0.0)
    package37564 (1.0.0)
    package37565 (1.0.0)
    package37566 (1.0.0)
    package37567 (1.0.0)
    package37568 (1.0.0)
    package37569 (1.0.0)
    package37570 (1.0.0)
    package37571 (1.0.0)
    package37572 (1.0.0)
    package37573 (1.0.0)
    package37574 (1.0.0)
    package37575 (1.0.0)
    package37576 (1.0.0)
    package37577 (1.0.0)
    package37578 (1.0.0)
    package37579 (1.0.0)
    package37580 (1.0.0)
    package37581 (1.0.0)
    package37582 (1.0.0)
    package37583 (1.0.0)
    package37584 (1.0.0)
    package37585 (1.0.0)
    package37586 (1.0.0)
    package37587 (1.0.0)
    package37588 (1.0.0)
    package37589 (1.0.0)
    package37590 (1.0.0)
    package37591 (1.0.0)
    package37592 (1.0.0)
    package37593 (1.0.0)
    package37594 (1.0.0)
    package37595 (1.0.0)
    package37596 (1.0.0)
    package37597 (1.0.0)
    package37598 (1.0.0)
    package37599 (1.0.0)
    package37600 (1.0.0)
    package37601 (1.0.0)
    package37602 (1.0.0)
    package37603 (1.0.0)
    package37604 (1.0.0)
    package37605 (1.0.0)
    package37606 (1.0.0)
    package37607 (1.0.0)
    package37608 (1.0.0)
    package37609 (1.0.0)
    package37610 (1.0.0)
    package37611 (1.0.0)
    package37612 (1.0.0)
    package37613 (1.0.0)
    package37614 (1.0.0)
    package37615 (1.0.0)
    package37616 (1.0.0)
    package37617 (1.0.0)
    package37618 (1.0.0)
    package37619 (1.0.0)
    package37620 (1.0.0)
    package37621 (1.0.0)
    package37622 (1.0.0)
    package37623 (1.0.0)
    package37624 (1.0.0)
    package37625 (1.0.0)
    package37626 (1.0.0)
    package37627 (1.0.0)
    package37628 (1.0.0)
    package37629 (1.0.0)
    package37630 (1.0.0)
    package37631 (1.0.0)
    package37632 (1.0.0)
    package37633 (1.0.0)
    package37634 (1.0.0)
    package37635 (1.0.0)
    package37636 (1.0.0)
    package37637 (1.0.0)
    package37638 (1.0.0)
    package37639 (1.0.0)
    package37640 (1.0.0)
    package37641 (1.0.0)
    package37642 (1.0.0)
    package37643 (1.0.0)
    package37644 (1.0.0)
    package37645 (1.0.0)
    package37646 (1.0.0)
    package37647 (1.0.0)
    package37648 (1.0.0)
    package37649 (1.0.0)
    package37650 (1.0.0)
    package37651 (1.0.0)
    package37652 (1.0.0)
    package37653 (1.0.0)
    package37654 (1.0.0)
    package37655 (1.0.0)
    package37656 (1.0.0)
    package37657 (1.0.0)
    package37658 (1.0.0)
    package37659 (1.0.0)
    package37660 (1.0.0)
    package37661 (1.0.0)
    package37662 (1.0.0)
    package37663 (1.0.0)
    package37664 (1.0.0)
    package37665 (1.0.0)
    package37666 (1.0.0)
    package37667 (1.0.0)
    package37668 (1.0.0)
    package37669 (1.0.0)
    package37670 (1.0.0)
    package37671 (1.0.0)
    package37672 (1.0.0)
    package37673 (1.0.0)
    package37674 (1.0.0)
    package37675 (1.0.0)
    package37676 (1.0.0)
    package37677 (1.0.0)
    package37678 (1.0.0)
    package37679 (1.0.0)
    package37680 (1.0.0)
    package37681 (1.0.0)
    package37682 (1.0.0)
    package37683 (1.0.0)
    package37684 (1.0.0)
    package37685 (1.0.0)
    package37686 (1.0.0)
    package37687 (1.0.0)
    package37688 (1.0.0)
    package37689 (1.0.0)
    package37690 (1.0.0)
    package37691 (1.0.0)
    package37692 (1.0.0)
    package37693 (1.0.0)
    package37694 (1.0.0)
    package37695 (1.0.0)
    package37696 (1.0.0)
    package37697 (1.0.0)
    package37698 (1.0.0)
    package37699 (1.0.0)
    package37700 (1.0.0)
    package37701 (1.0.0)
    package37702 (1.0.0)
    package37703 (1.0.0)
    package37704 (1.0.0)
    package37705 (1.0.0)
    package37706 (1.0.0)
    package37707 (1.0.0)
    package37708 (1.0.0)
    package37709 (1.0.0)
    package37710 (1.0.0)
    package37711 (1.0.0)
    package37712 (1.0.0)
    package37713 (1.0.0)
    package37714 (1.0.0)
    package37715 (1.0.0)
    package37716 (1.0.0)
    package37717 (1.0.0)
    package37718 (1.0.0)
    package37719 (1.0.0)
    package37720 (1.0.0)
    package37721 (1.0.0)
    package37722 (1.0.0)
    package37723 (1.0.0)
    package37724 (1.0.0)
    package37725 (1.0.0)
    package37726 (1.0.0)
    package37727 (1.0.0)
    package37728 (1.0.0)
    package37729 (1.0.0)
    package37730 (1.0.0)
    package37731 (1.0.0)
    package37732 (1.0.0)
    package37733 (1.0.0)
    package37734 (1.0.0)
    package37735 (1.0.0)
    package37736 (1.0.0)
    package37737 (1.0.0)
    package37738 (1.0.0)
    package37739 (1.0.0)
    package37740 (1.0.0)
    package37741 (1.0.0)
    package37742 (1.0.0)
    package37743 (1.0.0)
    package37744 (1.0.0)
    package37745 (1.0.0)
    package37746 (1.0.0)
    package37747 (1.0.0)
    package37748 (1.0.0)
    package37749 (1.0.0)
    package37750 (1.0.0)
    package37751 (1.0.0)
    package37752 (1.0.0)
    package37753 (1.0.0)
    package37754 (1.0.0)
    package37755 (1.0.0)
    package37756 (1.0.0)
    package37757 (1.0.0)
    package37758 (1.0.0)
    package37759 (1.0.0)
    package37760 (1.0.0)
    package37761 (1.0.0)
    package37762 (1.0.0)
    package37763 (1.0.0)
    package37764 (1.0.0)
    package37765 (1.0.0)
    package37766 (1.0.0)
    package37767 (1.0.0)
    package37768 (1.0.0)
    package37769 (1.0.0)
    package37770 (1.0.0)
    package37771 (1.0.0)
    package37772 (1.0.0)
    package37773 (1.0.0)
    package37774 (1.0.0)
    package37775 (1.0.0)
    package37776 (1.0.0)
    package37777 (1.0.0)
    package37778 (1.0.0)
    package37779 (1.0.0)
    package37780 (1.0.0)
    package37781 (1.0.0)
    package37782 (1.0.0)
    package37783 (1.0.0)
    package37784 (1.0.0)
    package37785 (1.0.0)
    package37786 (1.0.0)
    package37787 (1.0.0)
    package37788 (1.0.0)
    package37789 (1.0.0)
    package37790 (1.0.0)
    package37791 (1.0.0)
    package37792 (1.0.0)
    package37793 (1.0.0)
    package37794 (1.0.0)
    package37795 (1.0.0)
    package37796 (1.0.0)
    package37797 (1.0.0)
    package37798 (1.0.0)
    package37799 (1.0.0)
    package37800 (1.0.0)
    package37801 (1.0.0)
    package37802 (1.0.0)
    package37803 (1.0.0)
    package37804 (1.0.0)
    package37805 (1.0.0)
    package37806 (1.0.0)
    package37807 (1.0.0)
    package37808 (1.0.0)
    package37809 (1.0.0)
    package37810 (1.0.0)
    package37811 (1.0.0)
    package37812 (1.0.0)
    package37813 (1.0.0)
    package37814 (1.0.0)
    package37815 (1.0.0)
    package37816 (1.0.0)
    package37817 (1.0.0)
    package37818 (1.0.0)
    package37819 (1.0.0)
    package37820 (1.0.0)
    package37821 (1.0.0)
    package37822 (1.0.0)
    package37823 (1.0.0)
    package37824 (1.0.0)
    package37825 (1.0.0)
    package37826 (1.0.0)
    package37827 (1.0.0)
    package37828 (1.0.0)
    package37829 (1.0.0)
    package37830 (1.0.0)
    package37831 (1.0.0)
    package37832 (1.0.0)
    package37833 (1.0.0)
    package37834 (1.0.0)
    package37835 (1.0.0)
    package37836 (1.0.0)
    package37837 (1.0.0)
    package37838 (1.0.0)
    package37839 (1.0.0)
    package37840 (1.0.0)
    package37841 (1.0.0)
    package37842 (1.0.0)
    package37843 (1.0.0)
    package37844 (1.0.0)
    package37845 (1.0.0)
    package37846 (1.0.0)
    package37847 (1.0.0)
    package37848 (1.0.0)
    package37849 (1.0.0)
    package37850 (1.0.0)
    package37851 (1.0.0)
    package37852 (1.0.0)
    package37853 (1.0.0)
    package37854 (1.0.0)
    package37855 (1.0.0)
    package37856 (1.0.0)
    package37857 (1.0.0)
    package37858 (1.0.0)
    package37859 (1.0.0)
    package37860 (1.0.0)
    package37861 (1.0.0)
    package37862 (1.0.0)
    package37863 (1.0.0)
    package37864 (1.0.0)
    package37865 (1.0.0)
    package37866 (1.0.0)
    package37867 (1.0.0)
    package37868 (1.0.0)
    package37869 (1.0.0)
    package37870 (1.0.0)
    package37871 (1.0.0)
    package37872 (1.0.0)
    package37873 (1.0.0)
    package37874 (1.0.0)
    package37875 (1.0.0)
    package37876 (1.0.0)
    package37877 (1.0.0)
    package37878 (1.0.0)
    package37879 (1.0.0)
    package37880 (1.0.0)
    package37881 (1.0.0)
    package37882 (1.0.0)
    package37883 (1.0.0)
    package37884 (1.0.0)
    package37885 (1.0.0)
    package37886 (1.0.0)
    package37887 (1.0.0)
    package37888 (1.0.0)
    package37889 (1.0.0)
    package37890 (1.0.0)
    package37891 (1.0.0)
    package37892 (1.0.0)
    package37893 (1.0.0)
    package37894 (1.0.0)
    package37895 (1.0.0)
    package37896 (1.0.0)
    package37897 (1.0.0)
    package37898 (1.0.0)
    package37899 (1.0.0)
    package37900 (1.0.0)
    package37901 (1.0.0)
    package37902 (1.0.0)
    package37903 (1.0.0)
    package37904 (1.0.0)
    package37905 (1.0.0)
    package37906 (1.0.0)
    package37907 (1.0.0)
    package37908 (1.0.0)
    package37909 (1.0.0)
    package37910 (1.0.0)
    package37911 (1.0.0)
    package37912 (1.0.0)
    package37913 (1.0.0)
    package37914 (1.0.0)
    package37915 (1.0.0)
    package37916 (1.0.0)
    package37917 (1.0.0)
    package37918 (1.0.0)
    package37919 (1.0.0)
    package37920 (1.0.0)
    package37921 (1.0.0)
    package37922 (1.0.0)
    package37923 (1.0.0)
    package37924 (1.0.0)
    package37925 (1.0.0)
    package37926 (1.0.0)
    package37927 (1.0.0)
    package37928 (1.0.0)
    package37929 (1.0.0)
    package37930 (1.0.0)
    package37931 (1.0.0)
    package37932 (1.0.0)
    package37933 (1.0.0)
    package37934 (1.0.0)
    package37935 (1.0.0)
    package37936 (1.0.0)
    package37937 (1.0.0)
    package37938 (1.0.0)
    package37939 (1.0.0)
    package37940 (1.0.0)
    package37941 (1.0.0)
    package37942 (1.0.0)
    package37943 (1.0.0)
    package37944 (1.0.0)
    package37945 (1.0.0)
    package37946 (1.0.0)
    package37947 (1.0.0)
    package37948 (1.0.0)
    package37949 (1.0.0)
    package37950 (1.0.0)
    package37951 (1.0.0)
    package37952 (1.0.0)
    package37953 (1.0.0)
    package37954 (1.0.0)
    package37955 (1.0.0)
    package37956 (1.0.0)
    package37957 (1.0.0)
    package37958 (1.0.0)
    package37959 (1.0.0)
    package37960 (1.0.0)
    package37961 (1.0.0)
    package37962 (1.0.0)
    package37963 (1.0.0)
    package37964 (1.0.0)
    package37965 (1.0.0)
    package37966 (1.0.0)
    package37967 (1.0.0)
    package37968 (1.0.0)
    package37969 (1.0.0)
    package37970 (1.0.0)
    package37971 (1.0.0)
    package37972 (1.0.0)
    package37973 (1.0.0)
    package37974 (1.0.0)
    package37975 (1.0.0)
    package37976 (1.0.0)
    package37977 (1.0.0)
    package37978 (1.0.0)
    package37979 (1.0.0)
    package37980 (1.0.0)
    package37981 (1.0.0)
    package37982 (1.0.0)
    package37983 (1.0.0)
    package37984 (1.0.0)
    package37985 (1.0.0)
    package37986 (1.0.0)
    package37987 (1.0.0)
    package37988 (1.0.0)
    package37989 (1.0.0)
    package37990 (1.0.0)
    package37991 (1.0.0)
    package37992 (1.0.0)
    package37993 (1.0.0)
    package37994 (1.0.0)
    package37995 (1.0.0)
    package37996 (1.0.0)
    package37997 (1.0.0)
    package37998 (1.0.0)
    package37999 (1.0.0)
    package38000 (1.0.0)
    package38001 (1.0.0)
    package38002 (1.0.0)
    package38003 (1.0.0)
    package38004 (1.0.0)
    package38005 (1.0.0)
    package38006 (1.0.0)
    package38007 (1.0.0)
    package38008 (1.0.0)
    package38009 (1.0.0)
    package38010 (1.0.0)
    package38011 (1.0.0)
    package38012 (1.0.0)
    package38013 (1.0.0)
    package38014 (1.0.0)
    package38015 (1.0.0)
    package38016 (1.0.0)
    package38017 (1.0.0)
    package38018 (1.0.0)
    package38019 (1.0.0)
    package38020 (1.0.0)
    package38021 (1.0.0)
    package38022 (1.0.0)
    package38023 (1.0.0)
    package38024 (1.0.0)
    package38025 (1.0.0)
    package38026 (1.0.0)
    package38027 (1.0.0)
    package38028 (1.0.0)
    package38029 (1.0.0)
    package38030 (1.0.0)
    package38031 (1.0.0)
    package38032 (1.0.0)
    package38033 (1.0.0)
    package38034 (1.0.0)
    package38035 (1.0.0)
    package38036 (1.0.0)
    package38037 (1.0.0)
    package38038 (1.0.0)
    package38039 (1.0.0)
    package38040 (1.0.0)
    package38041 (1.0.0)
    package38042 (1.0.0)
    package38043 (1.0.0)
    package38044 (1.0.0)
    package38045 (1.0.0)
    package38046 (1.0.0)
    package38047 (1.0.0)
    package38048 (1.0.0)
    package38049 (1.0.0)
    package38050 (1.0.0)
    package38051 (1.0.0)
    package38052 (1.0.0)
    package38053 (1.0.0)
    package38054 (1.0.0)
    package38055 (1.0.0)
    package38056 (1.0.0)
    package38057 (1.0.0)
    package38058 (1.0.0)
    package38059 (1.0.0)
    package38060 (1.0.0)
    package38061 (1.0.0)
    package38062 (1.0.0)
    package38063 (1.0.0)
    package38064 (1.0.0)
    package38065 (1.0.0)
    package38066 (1.0.0)
    package38067 (1.0.0)
    package38068 (1.0.0)
    package38069 (1.0.0)
    package38070 (1.0.0)
    package38071 (1.0.0)
    package38072 (1.0.0)
    package38073 (1.0.0)
    package38074 (1.0.0)
    package38075 (1.0.0)
    package38076 (1.0.0)
    package38077 (1.0.0)
    package38078 (1.0.0)
    package38079 (1.0.0)
    package38080 (1.0.0)
    package38081 (1.0.0)
    package38082 (1.0.0)
    package38083 (1.0.0)
    package38084 (1.0.0)
    package38085 (1.0.0)
    package38086 (1.0.0)
    package38087 (1.0.0)
    package38088 (1.0.0)
    package38089 (1.0.0)
    package38090 (1.0.0)
    package38091 (1.0.0)
    package38092 (1.0.0)
    package38093 (1.0.0)
    package38094 (1.0.0)
    package38095 (1.0.0)
    package38096 (1.0.0)
    package38097 (1.0.0)
    package38098 (1.0.0)
    package38099 (1.0.0)
    package38100 (1.0.0)
    package38101 (1.0.0)
    package38102 (1.0.0)
    package38103 (1.0.0)
    package38104 (1.0.0)
    package38105 (1.0.0)
    package38106 (1.0.0)
    package38107 (1.0.0)
    package38108 (1.0.0)
    package38109 (1.0.0)
    package38110 (1.0.0)
    package38111 (1.0.0)
    package38112 (1.0.0)
    package38113 (1.0.0)
    package38114 (1.0.0)
    package38115 (1.0.0)
    package38116 (1.0.0)
    package38117 (1.0.0)
    package38118 (1.0.0)
    package38119 (1.0.0)
    package38120 (1.0.0)
    package38121 (1.0.0)
    package38122 (1.0.0)
    package38123 (1.0.0)
    package38124 (1.0.0)
    package38125 (1.0.0)
    package38126 (1.0.0)
    package38127 (1.0.0)
    package38128 (1.0.0)
    package38129 (1.0.0)
    package38130 (1.0.0)
    package38131 (1.0.0)
    package38132 (1.0.0)
    package38133 (1.0.0)
    package38134 (1.0.0)
    package38135 (1.0.0)
    package38136 (1.0.0)
    package38137 (1.0.0)
    package38138 (1.0.0)
    package38139 (1.0.0)
    package38140 (1.0.0)
    package38141 (1.0.0)
    package38142 (1.0.0)
    package38143 (1.0.0)
    package38144 (1.0.0)
    package38145 (1.0.0)
    package38146 (1.0.0)
    package38147 (1.0.0)
    package38148 (1.0.0)
    package38149 (1.0.0)
    package38150 (1.0.0)
    package38151 (1.0.0)
    package38152 (1.0.0)
    package38153 (1.0.0)
    package38154 (1.0.0)
    package38155 (1.0.0)
    package38156 (1.0.0)
    package38157 (1.0.0)
    package38158 (1.0.0)
    package38159 (1.0.0)
    package38160 (1.0.0)
    package38161 (1.0.0)
    package38162 (1.0.0)
    package38163 (1.0.0)
    package38164 (1.0.0)
    package38165 (1.0.0)
    package38166 (1.0.0)
    package38167 (1.0.0)
    package38168 (1.0.0)
    package38169 (1.0.0)
    package38170 (1.0.0)
    package38171 (1.0.0)
    package38172 (1.0.0)
    package38173 (1.0.0)
    package38174 (1.0.0)
    package38175 (1.0.0)
    package38176 (1.0.0)
    package38177 (1.0.0)
    package38178 (1.0.0)
    package38179 (1.0.0)
    package38180 (1.0.0)
    package38181 (1.0.0)
    package38182 (1.0.0)
    package38183 (1.0.0)
    package38184 (1.0.0)
    package38185 (1.0.0)
    package38186 (1.0.0)
    package38187 (1.0.0)
    package38188 (1.0.0)
    package38189 (1.0.0)
    package38190 (1.0.0)
    package38191 (1.0.0)
    package38192 (1.0.0)
    package38193 (1.0.0)
    package38194 (1.0.0)
    package38195 (1.0.0)
    package38196 (1.0.0)
    package38197 (1.0.0)
    package38198 (1.0.0)
    package38199 (1.0.0)
    package38200 (1.0.0)
    package38201 (1.0.0)
    package38202 (1.0.0)
    package38203 (1.0.0)
    package38204 (1.0.0)
    package38205 (1.0.0)
    package38206 (1.0.0)
    package38207 (1.0.0)
    package38208 (1.0.0)
    package38209 (1.0.0)
    package38210 (1.0.0)
    package38211 (1.0.0)
    package38212 (1.0.0)
    package38213 (1.0.0)
    package38214 (1.0.0)
    package38215 (1.0.0)
    package38216 (1.0.0)
    package38217 (1.0.0)
    package38218 (1.0.0)
    package38219 (1.0.0)
    package38220 (1.0.0)
    package38221 (1.0.0)
    package38222 (1.0.0)
    package38223 (1.0.0)
    package38224 (1.0.0)
    package38225 (1.0.0)
    package38226 (1.0.0)
    package38227 (1.0.0)
    package38228 (1.0.0)
    package38229 (1.0.0)
    package38230 (1.0.0)
    package38231 (1.0.0)
    package38232 (1.0.0)
    package38233 (1.0.0)
    package38234 (1.0.0)
    package38235 (1.0.0)
    package38236 (1.0.0)
    package38237 (1.0.0)
    package38238 (1.0.0)
    package38239 (1.0.0)
    package38240 (1.0.0)
    package38241 (1.0.0)
    package38242 (1.0.0)
    package38243 (1.0.0)
    package38244 (1.0.0)
    package38245 (1.0.0)
    package38246 (1.0.0)
    package38247 (1.0.0)
    package38248 (1.0.0)
    package38249 (1.0.0)
    package38250 (1.0.0)
    package38251 (1.0.0)
    package38252 (1.0.0)
    package38253 (1.0.0)
    package38254 (1.0.0)
    package38255 (1.0.0)
    package38256 (1.0.0)
    package38257 (1.0.0)
    package38258 (1.0.0)
    package38259 (1.0.0)
    package38260 (1.0.0)
    package38261 (1.0.0)
    package38262 (1.0.0)
    package38263 (1.0.0)
    package38264 (1.0.0)
    package38265 (1.0.0)
    package38266 (1.0.0)
    package38267 (1.0.0)
    package38268 (1.0.0)
    package38269 (1.0.0)
    package38270 (1.0.0)
    package38271 (1.0.0)
    package38272 (1.0.0)
    package38273 (1.0.0)
    package38274 (1.0.0)
    package38275 (1.0.0)
    package38276 (1.0.0)
    package38277 (1.0.0)
    package38278 (1.0.0)
    package38279 (1.0.0)
    package38280 (1.0.0)
    package38281 (1.0.0)
    package38282 (1.0.0)
    package38283 (1.0.0)
    package38284 (1.0.0)
    package38285 (1.0.0)
    package38286 (1.0.0)
    package38287 (1.0.0)
    package38288 (1.0.0)
    package38289 (1.0.0)
    package38290 (1.0.0)
    package38291 (1.0.0)
    package38292 (1.0.0)
    package38293 (1.0.0)
    package38294 (1.0.0)
    package38295 (1.0.0)
    package38296 (1.0.0)
    package38297 (1.0.0)
    package38298 (1.0.0)
    package38299 (1.0.0)
    package38300 (1.0.0)
    package38301 (1.0.0)
    package38302 (1.0.0)
    package38303 (1.0.0)
    package38304 (1.0.0)
    package38305 (1.0.0)
    package38306 (1.0.0)
    package38307 (1.0.0)
    package38308 (1.0.0)
    package38309 (1.0.0)
    package38310 (1.0.0)
    package38311 (1.0.0)
    package38312 (1.0.0)
    package38313 (1.0.0)
    package38314 (1.0.0)
    package38315 (1.0.0)
    package38316 (1.0.0)
    package38317 (1.0.0)
    package38318 (1.0.0)
    package38319 (1.0.0)
    package38320 (1.0.0)
    package38321 (1.0.0)
    package38322 (1.0.0)
    package38323 (1.0.0)
    package38324 (1.0.0)
    package38325 (1.0.0)
    package38326 (1.0.0)
    package38327 (1.0.0)
    package38328 (1.0.0)
    package38329 (1.0.0)
    package38330 (1.0.0)
    package38331 (1.0.0)
    package38332 (1.0.0)
    package38333 (1.0.0)
    package38334 (1.0.0)
    package38335 (1.0.0)
    package38336 (1.0.0)
    package38337 (1.0.0)
    package38338 (1.0.0)
    package38339 (1.0.0)
    package38340 (1.0.0)
    package38341 (1.0.0)
    package38342 (1.0.0)
    package38343 (1.0.0)
    package38344 (1.0.0)
    package38345 (1.0.0)
    package38346 (1.0.0)
    package38347 (1.0.0)
    package38348 (1.0.0)
    package38349 (1.0.0)
    package38350 (1.0.0)
    package38351 (1.0.0)
    package38352 (1.0.0)
    package38353 (1.0.0)
    package38354 (1.0.0)
    package38355 (1.0.0)
    package38356 (1.0.0)
    package38357 (1.0.0)
    package38358 (1.0.0)
    package38359 (1.0.0)
    package38360 (1.0.0)
    package38361 (1.0.0)
    package38362 (1.0.0)
    package38363 (1.0.0)
    package38364 (1.0.0)
    package38365 (1.0.0)
    package38366 (1.0.0)
    package38367 (1.0.0)
    package38368 (1.0.0)
    package38369 (1.0.0)
    package38370 (1.0.0)
    package38371 (1.0.0)
    package38372 (1.0.0)
    package38373 (1.0.0)
    package38374 (1.0.0)
    package38375 (1.0.0)
    package38376 (1.0.0)
    package38377 (1.0.0)
    package38378 (1.0.0)
    package38379 (1.0.0)
    package38380 (1.0.0)
    package38381 (1.0.0)
    package38382 (1.0.0)
    package38383 (1.0.0)
    package38384 (1.0.0)
    package38385 (1.0.0)
    package38386 (1.0.0)
    package38387 (1.0.0)
    package38388 (1.0.0)
    package38389 (1.0.0)
    package38390 (1.0.0)
    package38391 (1.0.0)
    package38392 (1.0.0)
    package38393 (1.0.0)
    package38394 (1.0.0)
    package38395 (1.0.0)
    package38396 (1.0.0)
    package38397 (1.0.0)
    package38398 (1.0.0)
    package38399 (1.0.0)
    package38400 (1.0.0)
    package38401 (1.0.0)
    package38402 (1.0.0)
    package38403 (1.0.0)
    package38404 (1.0.0)
    package38405 (1.0.0)
    package38406 (1.0.0)
    package38407 (1.0.0)
    package38408 (1.0.0)
    package38409 (1.0.0)
    package38410 (1.0.0)
    package38411 (1.0.0)
    package38412 (1.0.0)
    package38413 (1.0.0)
    package38414 (1.0.0)
    package38415 (1.0.0)
    package38416 (1.0.0)
    package38417 (1.0.0)
    package38418 (1.0.0)
    package38419 (1.0.0)
    package38420 (1.0.0)
    package38421 (1.0.0)
    package38422 (1.0.0)
    package38423 (1.0.0)
    package38424 (1.0.0)
    package38425 (1.0.0)
    package38426 (1.0.0)
    package38427 (1.0.0)
    package38428 (1.0.0)
    package38429 (1.0.0)
    package38430 (1.0.0)
    package38431 (1.0.0)
    package38432 (1.0.0)
    package38433 (1.0.0)
    package38434 (1.0.0)
    package38435 (1.0.0)
    package38436 (1.0.0)
    package38437 (1.0.0)
    package38438 (1.0.0)
    package38439 (1.0.0)
    package38440 (1.0.0)
    package38441 (1.0.0)
    package38442 (1.0.0)
    package38443 (1.0.0)
    package38444 (1.0.0)
    package38445 (1.0.0)
    package38446 (1.0.0)
    package38447 (1.0.0)
    package38448 (1.0.0)
    package38449 (1.0.0)
    package38450 (1.0.0)
    package38451 (1.0.0)
    package38452 (1.0.0)
    package38453 (1.0.0)
    package38454 (1.0.0)
    package38455 (1.0.0)
    package38456 (1.0.0)
    package38457 (1.0.0)
    package38458 (1.0.0)
    package38459 (1.0.0)
    package38460 (1.0.0)
    package38461 (1.0.0)
    package38462 (1.0.0)
    package38463 (1.0.0)
    package38464 (1.0.0)
    package38465 (1.0.0)
    package38466 (1.0.0)
    package38467 (1.0.0)
    package38468 (1.0.0)
    package38469 (1.0.0)
    package38470 (1.0.0)
    package38471 (1.0.0)
    package38472 (1.0.0)
    package38473 (1.0.0)
    package38474 (1.0.0)
    package38475 (1.0.0)
    package38476 (1.0.0)
    package38477 (1.0.0)
    package38478 (1.0.0)
    package38479 (1.0.0)
    package38480 (1.0.0)
    package38481 (1.0.0)
    package38482 (1.0.0)
    package38483 (1.0.0)
    package38484 (1.0.0)
    package38485 (1.0.0)
    package38486 (1.0.0)
    package38487 (1.0.0)
    package38488 (1.0.0)
    package38489 (1.0.0)
    package38490 (1.0.0)
    package38491 (1.0.0)
    package38492 (1.0.0)
    package38493 (1.0.0)
    package38494 (1.0.0)
    package38495 (1.0.0)
    package38496 (1.0.0)
    package38497 (1.0.0)
    package38498 (1.0.0)
    package38499 (1.0.0)
    package38500 (1.0.0)
    package38501 (1.0.0)
    package38502 (1.0.0)
    package38503 (1.0.0)
    package38504 (1.0.0)
    package38505 (1.0.0)
    package38506 (1.0.0)
    package38507 (1.0.0)
    package38508 (1.0.0)
    package38509 (1.0.0)
    package38510 (1.0.0)
    package38511 (1.0.0)
    package38512 (1.0.0)
    package38513 (1.0.0)
    package38514 (1.0.0)
    package38515 (1.0.0)
    package38516 (1.0.0)
    package38517 (1.0.0)
    package38518 (1.0.0)
    package38519 (1.0.0)
    package38520 (1.0.0)
    package38521 (1.0.0)
    package38522 (1.0.0)
    package38523 (1.0.0)
    package38524 (1.0.0)
    package38525 (1.0.0)
    package38526 (1.0.0)
    package38527 (1.0.0)
    package38528 (1.0.0)
    package38529 (1.0.0)
    package38530 (1.0.0)
    package38531 (1.0.0)
    package38532 (1.0.0)
    package38533 (1.0.0)
    package38534 (1.0.0)
    package38535 (1.0.0)
    package38536 (1.0.0)
    package38537 (1.0.0)
    package38538 (1.0.0)
    package38539 (1.0.0)
    package38540 (1.0.0)
    package38541 (1.0.0)
    package38542 (1.0.0)
    package38543 (1.0.0)
    package38544 (1.0.0)
    package38545 (1.0.0)
    package38546 (1.0.0)
    package38547 (1.0.0)
    package38548 (1.0.0)
    package38549 (1.0.0)
    package38550 (1.0.0)
    package38551 (1.0.0)
    package38552 (1.0.0)
    package38553 (1.0.0)
    package38554 (1.0.0)
    package38555 (1.0.0)
    package38556 (1.0.0)
    package38557 (1.0.0)
    package38558 (1.0.0)
    package38559 (1.0.0)
    package38560 (1.0.0)
    package38561 (1.0.0)
    package38562 (1.0.0)
    package38563 (1.0.0)
    package38564 (1.0.0)
    package38565 (1.0.0)
    package38566 (1.0.0)
    package38567 (1.0.0)
    package38568 (1.0.0)
    package38569 (1.0.0)
    package38570 (1.0.0)
    package38571 (1.0.0)
    package38572 (1.0.0)
    package38573 (1.0.0)
    package38574 (1.0.0)
    package38575 (1.0.0)
    package38576 (1.0.0)
    package38577 (1.0.0)
    package38578 (1.0.0)
    package38579 (1.0.0)
    package38580 (1.0.0)
    package38581 (1.0.0)
    package38582 (1.0.0)
    package38583 (1.0.0)
    package38584 (1.0.0)
    package38585 (1.0.0)
    package38586 (1.0.0)
    package38587 (1.0.0)
    package38588 (1.0.0)
    package38589 (1.0.0)
    package38590 (1.0.0)
    package38591 (1.0.0)
    package38592 (1.0.0)
    package38593 (1.0.0)
    package38594 (1.0.0)
    package38595 (1.0.0)
    package38596 (1.0.0)
    package38597 (1.0.0)
    package38598 (1.0.0)
    package38599 (1.0.0)
    package38600 (1.0.0)
    package38601 (1.0.0)
    package38602 (1.0.0)
    package38603 (1.0.0)
    package38604 (1.0.0)
    package38605 (1.0.0)
    package38606 (1.0.0)
    package38607 (1.0.0)
    package38608 (1.0.0)
    package38609 (1.0.0)
    package38610 (1.0.0)
    package38611 (1.0.0)
    package38612 (1.0.0)
    package38613 (1.0.0)
    package38614 (1.0.0)
    package38615 (1.0.0)
    package38616 (1.0.0)
    package38617 (1.0.0)
    package38618 (1.0.0)
    package38619 (1.0.0)
    package38620 (1.0.0)
    package38621 (1.0.0)
    package38622 (1.0.0)
    package38623 (1.0.0)
    package38624 (1.0.0)
    package38625 (1.0.0)
    package38626 (1.0.0)
    package38627 (1.0.0)
    package38628 (1.0.0)
    package38629 (1.0.0)
    package38630 (1.0.0)
    package38631 (1.0.0)
    package38632 (1.0.0)
    package38633 (1.0.0)
    package38634 (1.0.0)
    package38635 (1.0.0)
    package38636 (1.0.0)
    package38637 (1.0.0)
    package38638 (1.0.0)
    package38639 (1.0.0)
    package38640 (1.0.0)
    package38641 (1.0.0)
    package38642 (1.0.0)
    package38643 (1.0.0)
    package38644 (1.0.0)
    package38645 (1.0.0)
    package38646 (1.0.0)
    package38647 (1.0.0)
    package38648 (1.0.0)
    package38649 (1.0.0)
    package38650 (1.0.0)
    package38651 (1.0.0)
    package38652 (1.0.0)
    package38653 (1.0.0)
    package38654 (1.0.0)
    package38655 (1.0.0)
    package38656 (1.0.0)
    package38657 (1.0.0)
    package38658 (1.0.0)
    package38659 (1.0.0)
    package38660 (1.0.0)
    package38661 (1.0.0)
    package38662 (1.0.0)
    package38663 (1.0.0)
    package38664 (1.0.0)
    package38665 (1.0.0)
    package38666 (1.0.0)
    package38667 (1.0.0)
    package38668 (1.0.0)
    package38669 (1.0.0)
    package38670 (1.0.0)
    package38671 (1.0.0)
    package38672 (1.0.0)
    package38673 (1.0.0)
    package38674 (1.0.0)
    package38675 (1.0.0)
    package38676 (1.0.0)
    package38677 (1.0.0)
    package38678 (1.0.0)
    package38679 (1.0.0)
    package38680 (1.0.0)
    package38681 (1.0.0)
    package38682 (1.0.0)
    package38683 (1.0.0)
    package38684 (1.0.0)
    package38685 (1.0.0)
    package38686 (1.0.0)
    package38687 (1.0.0)
    package38688 (1.0.0)
    package38689 (1.0.0)
    package38690 (1.0.0)
    package38691 (1.0.0)
    package38692 (1.0.0)
    package38693 (1.0.0)
    package38694 (1.0.0)
    package38695 (1.0.0)
    package38696 (1.0.0)
    package38697 (1.0.0)
    package38698 (1.0.0)
    package38699 (1.0.0)
    package38700 (1.0.0)
    package38701 (1.0.0)
    package38702 (1.0.0)
    package38703 (1.0.0)
    package38704 (1.0.0)
    package38705 (1.0.0)
    package38706 (1.0.0)
    package38707 (1.0.0)
    package38708 (1.0.0)
    package38709 (1.0.0)
    package38710 (1.0.0)
    package38711 (1.0.0)
    package38712 (1.0.0)
    package38713 (1.0.0)
    package38714 (1.0.0)
    package38715 (1.0.0)
    package38716 (1.0.0)
    package38717 (1.0.0)
    package38718 (1.0.0)
    package38719 (1.0.0)
    package38720 (1.0.0)
    package38721 (1.0.0)
    package38722 (1.0.0)
    package38723 (1.0.0)
    package38724 (1.0.0)
    package38725 (1.0.0)
    package38726 (1.0.0)
    package38727 (1.0.0)
    package38728 (1.0.0)
    package38729 (1.0.0)
    package38730 (1.0.0)
    package38731 (1.0.0)
    package38732 (1.0.0)
    package38733 (1.0.0)
    package38734 (1.0.0)
    package38735 (1.0.0)
    package38736 (1.0.0)
    package38737 (1.0.0)
    package38738 (1.0.0)
    package38739 (1.0.0)
    package38740 (1.0.0)
    package38741 (1.0.0)
    package38742 (1.0.0)
    package38743 (1.0.0)
    package38744 (1.0.0)
    package38745 (1.0.0)
    package38746 (1.0.0)
    package38747 (1.0.0)
    package38748 (1.0.0)
    package38749 (1.0.0)
    package38750 (1.0.0)
    package38751 (1.0.0)
    package38752 (1.0.0)
    package38753 (1.0.0)
    package38754 (1.0.0)
    package38755 (1.0.0)
    package38756 (1.0.0)
    package38757 (1.0.0)
    package38758 (1.0.0)
    package38759 (1.0.0)
    package38760 (1.0.0)
    package38761 (1.0.0)
    package38762 (1.0.0)
    package38763 (1.0.0)
    package38764 (1.0.0)
    package38765 (1.0.0)
    package38766 (1.0.0)
    package38767 (1.0.0)
    package38768 (1.0.0)
    package38769 (1.0.0)
    package38770 (1.0.0)
    package38771 (1.0.0)
    package38772 (1.0.0)
    package38773 (1.0.0)
    package38774 (1.0.0)
    package38775 (1.0.0)
    package38776 (1.0.0)
    package38777 (1.0.0)
    package38778 (1.0.0)
    package38779 (1.0.0)
    package38780 (1.0.0)
    package38781 (1.0.0)
    package38782 (1.0.0)
    package38783 (1.0.0)
    package38784 (1.0.0)
    package38785 (1.0.0)
    package38786 (1.0.0)
    package38787 (1.0.0)
    package38788 (1.0.0)
    package38789 (1.0.0)
    package38790 (1.0.0)
    package38791 (1.0.0)
    package38792 (1.0.0)
    package38793 (1.0.0)
    package38794 (1.0.0)
    package38795 (1.0.0)
    package38796 (1.0.0)
    package38797 (1.0.0)
    package38798 (1.0.0)
    package38799 (1.0.0)
    package38800 (1.0.0)
    package38801 (1.0.0)
    package38802 (1.0.0)
    package38803 (1.0.0)
    package38804 (1.0.0)
    package38805 (1.0.0)
    package38806 (1.0.0)
    package38807 (1.0.0)
    package38808 (1.0.0)
    package38809 (1.0.0)
    package38810 (1.0.0)
    package38811 (1.0.0)
    package38812 (1.0.0)
    package38813 (1.0.0)
    package38814 (1.0.0)
    package38815 (1.0.0)
    package38816 (1.0.0)
    package38817 (1.0.0)
    package38818 (1.0.0)
    package38819 (1.0.0)
    package38820 (1.0.0)
    package38821 (1.0.0)
    package38822 (1.0.0)
    package38823 (1.0.0)
    package38824 (1.0.0)
    package38825 (1.0.0)
    package38826 (1.0.0)
    package38827 (1.0.0)
    package38828 (1.0.0)
    package38829 (1.0.0)
    package38830 (1.0.0)
    package38831 (1.0.0)
    package38832 (1.0.0)
    package38833 (1.0.0)
    package38834 (1.0.0)
    package38835 (1.0.0)
    package38836 (1.0.0)
    package38837 (1.0.0)
    package38838 (1.0.0)
    package38839 (1.0.0)
    package38840 (1.0.0)
    package38841 (1.0.0)
    package38842 (1.0.0)
    package38843 (1.0.0)
    package38844 (1.0.0)
    package38845 (1.0.0)
    package38846 (1.0.0)
    package38847 (1.0.0)
    package38848 (1.0.0)
    package38849 (1.0.0)
    package38850 (1.0.0)
    package38851 (1.0.0)
    package38852 (1.0.0)
    package38853 (1.0.0)
    package38854 (1.0.0)
    package38855 (1.0.0)
    package38856 (1.0.0)
    package38857 (1.0.0)
    package38858 (1.0.0)
    package38859 (1.0.0)
    package38860 (1.0.0)
    package38861 (1.0.0)
    package38862 (1.0.0)
    package38863 (1.0.0)
    package38864 (1.0.0)
    package38865 (1.0.0)
    package38866 (1.0.0)
    package38867 (1.0.0)
    package38868 (1.0.0)
    package38869 (1.0.0)
    package38870 (1.0.0)
    package38871 (1.0.0)
    package38872 (1.0.0)
    package38873 (1.0.0)
    package38874 (1.0.0)
    package38875 (1.0.0)
    package38876 (1.0.0)
    package38877 (1.0.0)
    package38878 (1.0.0)
    package38879 (1.0.0)
    package38880 (1.0.0)
    package38881 (1.0.0)
    package38882 (1.0.0)
    package38883 (1.0.0)
    package38884 (1.0.0)
    package38885 (1.0.0)
    package38886 (1.0.0)
    package38887 (1.0.0)
    package38888 (1.0.0)
    package38889 (1.0.0)
    package38890 (1.0.0)
    package38891 (1.0.0)
    package38892 (1.0.0)
    package38893 (1.0.0)
    package38894 (1.0.0)
    package38895 (1.0.0)
    package38896 (1.0.0)
    package38897 (1.0.0)
    package38898 (1.0.0)
    package38899 (1.0.0)
    package38900 (1.0.0)
    package38901 (1.0.0)
    package38902 (1.0.0)
    package38903 (1.0.0)
    package38904 (1.0.0)
    package38905 (1.0.0)
    package38906 (1.0.0)
    package38907 (1.0.0)
    package38908 (1.0.0)
    package38909 (1.0.0)
    package38910 (1.0.0)
    package38911 (1.0.0)
    package38912 (1.0.0)
    package38913 (1.0.0)
    package38914 (1.0.0)
    package38915 (1.0.0)
    package38916 (1.0.0)
    package38917 (1.0.0)
    package38918 (1.0.0)
    package38919 (1.0.0)
    package38920 (1.0.0)
    package38921 (1.0.0)
    package38922 (1.0.0)
    package38923 (1.0.0)
    package38924 (1.0.0)
    package38925 (1.0.0)
    package38926 (1.0.0)
    package38927 (1.0.0)
    package38928 (1.0.0)
    package38929 (1.0.0)
    package38930 (1.0.0)
    package38931 (1.0.0)
    package38932 (1.0.0)
    package38933 (1.0.0)
    package38934 (1.0.0)
    package38935 (1.0.0)
    package38936 (1.0.0)
    package38937 (1.0.0)
    package38938 (1.0.0)
    package38939 (1.0.0)
    package38940 (1.0.0)
    package38941 (1.0.0)
    package38942 (1.0.0)
    package38943 (1.0.0)
    package38944 (1.0.0)
    package38945 (1.0.0)
    package38946 (1.0.0)
    package38947 (1.0.0)
    package38948 (1.0.0)
    package38949 (1.0.0)
    package38950 (1.0.0)
    package38951 (1.0.0)
    package38952 (1.0.0)
    package38953 (1.0.0)
    package38954 (1.0.0)
    package38955 (1.0.0)
    package38956 (1.0.0)
    package38957 (1.0.0)
    package38958 (1.0.0)
    package38959 (1.0.0)
    package38960 (1.0.0)
    package38961 (1.0.0)
    package38962 (1.0.0)
    package38963 (1.0.0)
    package38964 (1.0.0)
    package38965 (1.0.0)
    package38966 (1.0.0)
    package38967 (1.0.0)
    package38968 (1.0.0)
    package38969 (1.0.0)
    package38970 (1.0.0)
    package38971 (1.0.0)
    package38972 (1.0.0)
    package38973 (1.0.0)
    package38974 (1.0.0)
    package38975 (1.0.0)
    package38976 (1.0.0)
    package38977 (1.0.0)
    package38978 (1.0.0)
    package38979 (1.0.0)
    package38980 (1.0.0)
    package38981 (1.0.0)
    package38982 (1.0.0)
    package38983 (1.0.0)
    package38984 (1.0.0)
    package38985 (1.0.0)
    package38986 (1.0.0)
    package38987 (1.0.0)
    package38988 (1.0.0)
    package38989 (1.0.0)
    package38990 (1.0.0)
    package38991 (1.0.0)
    package38992 (1.0.0)
    package38993 (1.0.0)
    package38994 (1.0.0)
    package38995 (1.0.0)
    package38996 (1.0.0)
    package38997 (1.0.0)
    package38998 (1.0.0)
    package38999 (1.0.0)
    package39000 (1.0.0)
    package39001 (1.0.0)
    package39002 (1.0.0)
    package39003 (1.0.0)
    package39004 (1.0.0)
    package39005 (1.0.0)
    package39006 (1.0.0)
    package39007 (1.0.0)
    package39008 (1.0.0)
    package39009 (1.0.0)
    package39010 (1.0.0)
    package39011 (1.0.0)
    package39012 (1.0.0)
    package39013 (1.0.0)
    package39014 (1.0.0)
    package39015 (1.0.0)
    package39016 (1.0.0)
    package39017 (1.0.0)
    package39018 (1.0.0)
    package39019 (1.0.0)
    package39020 (1.0.0)
    package39021 (1.0.0)
    package39022 (1.0.0)
    package39023 (1.0.0)
    package39024 (1.0.0)
    package39025 (1.0.0)
    package39026 (1.0.0)
    package39027 (1.0.0)
    package39028 (1.0.0)
    package39029 (1.0.0)
    package39030 (1.0.0)
    package39031 (1.0.0)
    package39032 (1.0.0)
    package39033 (1.0.0)
    package39034 (1.0.0)
    package39035 (1.0.0)
    package39036 (1.0.0)
    package39037 (1.0.0)
    package39038 (1.0.0)
    package39039 (1.0.0)
    package39040 (1.0.0)
    package39041 (1.0.0)
    package39042 (1.0.0)
    package39043 (1.0.0)
    package39044 (1.0.0)
    package39045 (1.0.0)
    package39046 (1.0.0)
    package39047 (1.0.0)
    package39048 (1.0.0)
    package39049 (1.0.0)
    package39050 (1.0.0)
    package39051 (1.0.0)
    package39052 (1.0.0)
    package39053 (1.0.0)
    package39054 (1.0.0)
    package39055 (1.0.0)
    package39056 (1.0.0)
    package39057 (1.0.0)
    package39058 (1.0.0)
    package39059 (1.0.0)
    package39060 (1.0.0)
    package39061 (1.0.0)
    package39062 (1.0.0)
    package39063 (1.0.0)
    package39064 (1.0.0)
    package39065 (1.0.0)
    package39066 (1.0.0)
    package39067 (1.0.0)
    package39068 (1.0.0)
    package39069 (1.0.0)
    package39070 (1.0.0)
    package39071 (1.0.0)
    package39072 (1.0.0)
    package39073 (1.0.0)
    package39074 (1.0.0)
    package39075 (1.0.0)
    package39076 (1.0.0)
    package39077 (1.0.0)
    package39078 (1.0.0)
    package39079 (1.0.0)
    package39080 (1.0.0)
    package39081 (1.0.0)
    package39082 (1.0.0)
    package39083 (1.0.0)
    package39084 (1.0.0)
    package39085 (1.0.0)
    package39086 (1.0.0)
    package39087 (1.0.0)
    package39088 (1.0.0)
    package39089 (1.0.0)
    package39090 (1.0.0)
    package39091 (1.0.0)
    package39092 (1.0.0)
    package39093 (1.0.0)
    package39094 (1.0.0)
    package39095 (1.0.0)
    package39096 (1.0.0)
    package39097 (1.0.0)
    package39098 (1.0.0)
    package39099 (1.0.0)
    package39100 (1.0.0)
    package39101 (1.0.0)
    package39102 (1.0.0)
    package39103 (1.0.0)
    package39104 (1.0.0)
    package39105 (1.0.0)
    package39106 (1.0.0)
    package39107 (1.0.0)
    package39108 (1.0.0)
    package39109 (1.0.0)
    package39110 (1.0.0)
    package39111 (1.0.0)
    package39112 (1.0.0)
    package39113 (1.0.0)
    package39114 (1.0.0)
    package39115 (1.0.0)
    package39116 (1.0.0)
    package39117 (1.0.0)
    package39118 (1.0.0)
    package39119 (1.0.0)
    package39120 (1.0.0)
    package39121 (1.0.0)
    package39122 (1.0.0)
    package39123 (1.0.0)
    package39124 (1.0.0)
    package39125 (1.0.0)
    package39126 (1.0.0)
    package39127 (1.0.0)
    package39128 (1.0.0)
    package39129 (1.0.0)
    package39130 (1.0.0)
    package39131 (1.0.0)
    package39132 (1.0.0)
    package39133 (1.0.0)
    package39134 (1.0.0)
    package39135 (1.0.0)
    package39136 (1.0.0)
    package39137 (1.0.0)
    package39138 (1.0.0)
    package39139 (1.0.0)
    package39140 (1.0.0)
    package39141 (1.0.0)
    package39142 (1.0.0)
    package39143 (1.0.0)
    package39144 (1.0.0)
    package39145 (1.0.0)
    package39146 (1.0.0)
    package39147 (1.0.0)
    package39148 (1.0.0)
    package39149 (1.0.0)
    package39150 (1.0.0)
    package39151 (1.0.0)
    package39152 (1.0.0)
    package39153 (1.0.0)
    package39154 (1.0.0)
    package39155 (1.0.0)
    package39156 (1.0.0)
    package39157 (1.0.0)
    package39158 (1.0.0)
    package39159 (1.0.0)
    package39160 (1.0.0)
    package39161 (1.0.0)
    package39162 (1.0.0)
    package39163 (1.0.0)
    package39164 (1.0.0)
    package39165 (1.0.0)
    package39166 (1.0.0)
    package39167 (1.0.0)
    package39168 (1.0.0)
    package39169 (1.0.0)
    package39170 (1.0.0)
    package39171 (1.0.0)
    package39172 (1.0.0)
    package39173 (1.0.0)
    package39174 (1.0.0)
    package39175 (1.0.0)
    package39176 (1.0.0)
    package39177 (1.0.0)
    package39178 (1.0.0)
    package39179 (1.0.0)
    package39180 (1.0.0)
    package39181 (1.0.0)
    package39182 (1.0.0)
    package39183 (1.0.0)
    package39184 (1.0.0)
    package39185 (1.0.0)
    package39186 (1.0.0)
    package39187 (1.0.0)
    package39188 (1.0.0)
    package39189 (1.0.0)
    package39190 (1.0.0)
    package39191 (1.0.0)
    package39192 (1.0.0)
    package39193 (1.0.0)
    package39194 (1.0.0)
    package39195 (1.0.0)
    package39196 (1.0.0)
    package39197 (1.0.0)
    package39198 (1.0.0)
    package39199 (1.0.0)
    package39200 (1.0.0)
    package39201 (1.0.0)
    package39202 (1.0.0)
    package39203 (1.0.0)
    package39204 (1.0.0)
    package39205 (1.0.0)
    package39206 (1.0.0)
    package39207 (1.0.0)
    package39208 (1.0.0)
    package39209 (1.0.0)
    package39210 (1.0.0)
    package39211 (1.0.0)
    package39212 (1.0.0)
    package39213 (1.0.0)
    package39214 (1.0.0)
    package39215 (1.0.0)
    package39216 (1.0.0)
    package39217 (1.0.0)
    package39218 (1.0.0)
    package39219 (1.0.0)
    package39220 (1.0.0)
    package39221 (1.0.0)
    package39222 (1.0.0)
    package39223 (1.0.0)
    package39224 (1.0.0)
    package39225 (1.0.0)
    package39226 (1.0.0)
    package39227 (1.0.0)
    package39228 (1.0.0)
    package39229 (1.0.0)
    package39230 (1.0.0)
    package39231 (1.0.0)
    package39232 (1.0.0)
    package39233 (1.0.0)
    package39234 (1.0.0)
    package39235 (1.0.0)
    package39236 (1.0.0)
    package39237 (1.0.0)
    package39238 (1.0.0)
    package39239 (1.0.0)
    package39240 (1.0.0)
    package39241 (1.0.0)
    package39242 (1.0.0)
    package39243 (1.0.0)
    package39244 (1.0.0)
    package39245 (1.0.0)
    package39246 (1.0.0)
    package39247 (1.0.0)
    package39248 (1.0.0)
    package39249 (1.0.0)
    package39250 (1.0.0)
    package39251 (1.0.0)
    package39252 (1.0.0)
    package39253 (1.0.0)
    package39254 (1.0.0)
    package39255 (1.0.0)
    package39256 (1.0.0)
    package39257 (1.0.0)
    package39258 (1.0.0)
    package39259 (1.0.0)
    package39260 (1.0.0)
    package39261 (1.0.0)
    package39262 (1.0.0)
    package39263 (1.0.0)
    package39264 (1.0.0)
    package39265 (1.0.0)
    package39266 (1.0.0)
    package39267 (1.0.0)
    package39268 (1.0.0)
    package39269 (1.0.0)
    package39270 (1.0.0)
    package39271 (1.0.0)
    package39272 (1.0.0)
    package39273 (1.0.0)
    package39274 (1.0.0)
    package39275 (1.0.0)
    package39276 (1.0.0)
    package39277 (1.0.0)
    package39278 (1.0.0)
    package39279 (1.0.0)
    package39280 (1.0.0)
    package39281 (1.0.0)
    package39282 (1.0.0)
    package39283 (1.0.0)
    package39284 (1.0.0)
    package39285 (1.0.0)
    package39286 (1.0.0)
    package39287 (1.0.0)
    package39288 (1.0.0)
    package39289 (1.0.0)
    package39290 (1.0.0)
    package39291 (1.0.0)
    package39292 (1.0.0)
    package39293 (1.0.0)
    package39294 (1.0.0)
    package39295 (1.0.0)
    package39296 (1.0.0)
    package39297 (1.0.0)
    package39298 (1.0.0)
    package39299 (1.0.0)
    package39300 (1.0.0)
    package39301 (1.0.0)
    package39302 (1.0.0)
    package39303 (1.0.0)
    package39304 (1.0.0)
    package39305 (1.0.0)
    package39306 (1.0.0)
    package39307 (1.0.0)
    package39308 (1.0.0)
    package39309 (1.0.0)
    package39310 (1.0.0)
    package39311 (1.0.0)
    package39312 (1.0.0)
    package39313 (1.0.0)
    package39314 (1.0.0)
    package39315 (1.0.0)
    package39316 (1.0.0)
    package39317 (1.0.0)
    package39318 (1.0.0)
    package39319 (1.0.0)
    package39320 (1.0.0)
    package39321 (1.0.0)
    package39322 (1.0.0)
    package39323 (1.0.0)
    package39324 (1.0.0)
    package39325 (1.0.0)
    package39326 (1.0.0)
    package39327 (1.0.0)
    package39328 (1.0.0)
    package39329 (1.0.0)
    package39330 (1.0.0)
    package39331 (1.0.0)
    package39332 (1.0.0)
    package39333 (1.0.0)
    package39334 (1.0.0)
    package39335 (1.0.0)
    package39336 (1.0.0)
    package39337 (1.0.0)
    package39338 (1.0.0)
    package39339 (1.0.0)
    package39340 (1.0.0)
    package39341 (1.0.0)
    package39342 (1.0.0)
    package39343 (1.0.0)
    package39344 (1.0.0)
    package39345 (1.0.0)
    package39346 (1.0.0)
    package39347 (1.0.0)
    package39348 (1.0.0)
    package39349 (1.0.0)
    package39350 (1.0.0)
    package39351 (1.0.0)
    package39352 (1.0.0)
    package39353 (1.0.0)
    package39354 (1.0.0)
    package39355 (1.0.0)
    package39356 (1.0.0)
    package39357 (1.0.0)
    package39358 (1.0.0)
    package39359 (1.0.0)
    package39360 (1.0.0)
    package39361 (1.0.0)
    package39362 (1.0.0)
    package39363 (1.0.0)
    package39364 (1.0.0)
    package39365 (1.0.0)
    package39366 (1.0.0)
    package39367 (1.0.0)
    package39368 (1.0.0)
    package39369 (1.0.0)
    package39370 (1.0.0)
    package39371 (1.0.0)
    package39372 (1.0.0)
    package39373 (1.0.0)
    package39374 (1.0.0)
    package39375 (1.0.0)
    package39376 (1.0.0)
    package39377 (1.0.0)
    package39378 (1.0.0)
    package39379 (1.0.0)
    package39380 (1.0.0)
    package39381 (1.0.0)
    package39382 (1.0.0)
    package39383 (1.0.0)
    package39384 (1.0.0)
    package39385 (1.0.0)
    package39386 (1.0.0)
    package39387 (1.0.0)
    package39388 (1.0.0)
    package39389 (1.0.0)
    package39390 (1.0.0)
    package39391 (1.0.0)
    package39392 (1.0.0)
    package39393 (1.0.0)
    package39394 (1.0.0)
    package39395 (1.0.0)
    package39396 (1.0.0)
    package39397 (1.0.0)
    package39398 (1.0.0)
    package39399 (1.0.0)
    package39400 (1.0.0)
    package39401 (1.0.0)
    package39402 (1.0.0)
    package39403 (1.0.0)
    package39404 (1.0.0)
    package39405 (1.0.0)
    package39406 (1.0.0)
    package39407 (1.0.0)
    package39408 (1.0.0)
    package39409 (1.0.0)
    package39410 (1.0.0)
    package39411 (1.0.0)
    package39412 (1.0.0)
    package39413 (1.0.0)
    package39414 (1.0.0)
    package39415 (1.0.0)
    package39416 (1.0.0)
    package39417 (1.0.0)
    package39418 (1.0.0)
    package39419 (1.0.0)
    package39420 (1.0.0)
    package39421 (1.0.0)
    package39422 (1.0.0)
    package39423 (1.0.0)
    package39424 (1.0.0)
    package39425 (1.0.0)
    package39426 (1.0.0)
    package39427 (1.0.0)
    package39428 (1.0.0)
    package39429 (1.0.0)
    package39430 (1.0.0)
    package39431 (1.0.0)
    package39432 (1.0.0)
    package39433 (1.0.0)
    package39434 (1.0.0)
    package39435 (1.0.0)
    package39436 (1.0.0)
    package39437 (1.0.0)
    package39438 (1.0.0)
    package39439 (1.0.0)
    package39440 (1.0.0)
    package39441 (1.0.0)
    package39442 (1.0.0)
    package39443 (1.0.0)
    package39444 (1.0.0)
    package39445 (1.0.0)
    package39446 (1.0.0)
    package39447 (1.0.0)
    package39448 (1.0.0)
    package39449 (1.0.0)
    package39450 (1.0.0)
    package39451 (1.0.0)
    package39452 (1.0.0)
    package39453 (1.0.0)
    package39454 (1.0.0)
    package39455 (1.0.0)
    package39456 (1.0.0)
    package39457 (1.0.0)
    package39458 (1.0.0)
    package39459 (1.0.0)
    package39460 (1.0.0)
    package39461 (1.0.0)
    package39462 (1.0.0)
    package39463 (1.0.0)
    package39464 (1.0.0)
    package39465 (1.0.0)
    package39466 (1.0.0)
    package39467 (1.0.0)
    package39468 (1.0.0)
    package39469 (1.0.0)
    package39470 (1.0.0)
    package39471 (1.0.0)
    package39472 (1.0.0)
    package39473 (1.0.0)
    package39474 (1.0.0)
    package39475 (1.0.0)
    package39476 (1.0.0)
    package39477 (1.0.0)
    package39478 (1.0.0)
    package39479 (1.0.0)
    package39480 (1.0.0)
    package39481 (1.0.0)
    package39482 (1.0.0)
    package39483 (1.0.0)
    package39484 (1.0.0)
    package39485 (1.0.0)
    package39486 (1.0.0)
    package39487 (1.0.0)
    package39488 (1.0.0)
    package39489 (1.0.0)
    package39490 (1.0.0)
    package39491 (1.0.0)
    package39492 (1.0.0)
    package39493 (1.0.0)
    package39494 (1.0.0)
    package39495 (1.0.0)
    package39496 (1.0.0)
    package39497 (1.0.0)
    package39498 (1.0.0)
    package39499 (1.0.0)
    package39500 (1.0.0)
    package39501 (1.0.0)
    package39502 (1.0.0)
    package39503 (1.0.0)
    package39504 (1.0.0)
    package39505 (1.0.0)
    package39506 (1.0.0)
    package39507 (1.0.0)
    package39508 (1.0.0)
    package39509 (1.0.0)
    package39510 (1.0.0)
    package39511 (1.0.0)
    package39512 (1.0.0)
    package39513 (1.0.0)
    package39514 (1.0.0)
    package39515 (1.0.0)
    package39516 (1.0.0)
    package39517 (1.0.0)
    package39518 (1.0.0)
    package39519 (1.0.0)
    package39520 (1.0.0)
    package39521 (1.0.0)
    package39522 (1.0.0)
    package39523 (1.0.0)
    package39524 (1.0.0)
    package39525 (1.0.0)
    package39526 (1.0.0)
    package39527 (1.0.0)
    package39528 (1.0.0)
    package39529 (1.0.0)
    package39530 (1.0.0)
    package39531 (1.0.0)
    package39532 (1.0.0)
    package39533 (1.0.0)
    package39534 (1.0.0)
    package39535 (1.0.0)
    package39536 (1.0.0)
    package39537 (1.0.0)
    package39538 (1.0.0)
    package39539 (1.0.0)
    package39540 (1.0.0)
    package39541 (1.0.0)
    package39542 (1.0.0)
    package39543 (1.0.0)
    package39544 (1.0.0)
    package39545 (1.0.0)
    package39546 (1.0.0)
    package39547 (1.0.0)
    package39548 (1.0.0)
    package39549 (1.0.0)
    package39550 (1.0.0)
    package39551 (1.0.0)
    package39552 (1.0.0)
    package39553 (1.0.0)
    package39554 (1.0.0)
    package39555 (1.0.0)
    package39556 (1.0.0)
    package39557 (1.0.0)
    package39558 (1.0.0)
    package39559 (1.0.0)
    package39560 (1.0.0)
    package39561 (1.0.0)
    package39562 (1.0.0)
    package39563 (1.0.0)
    package39564 (1.0.0)
    package39565 (1.0.0)
    package39566 (1.0.0)
    package39567 (1.0.0)
    package39568 (1.0.0)
    package39569 (1.0.0)
    package39570 (1.0.0)
    package39571 (1.0.0)
    package39572 (1.0.0)
    package39573 (1.0.0)
    package39574 (1.0.0)
    package39575 (1.0.0)
    package39576 (1.0.0)
    package39577 (1.0.0)
    package39578 (1.0.0)
    package39579 (1.0.0)
    package39580 (1.0.0)
    package39581 (1.0.0)
    package39582 (1.0.0)
    package39583 (1.0.0)
    package39584 (1.0.0)
    package39585 (1.0.0)
    package39586 (1.0.0)
    package39587 (1.0.0)
    package39588 (1.0.0)
    package39589 (1.0.0)
    package39590 (1.0.0)
    package39591 (1.0.0)
    package39592 (1.0.0)
    package39593 (1.0.0)
    package39594 (1.0.0)
    package39595 (1.0.0)
    package39596 (1.0.0)
    package39597 (1.0.0)
    package39598 (1.0.0)
    package39599 (1.0.0)
    package39600 (1.0.0)
    package39601 (1.0.0)
    package39602 (1.0.0)
    package39603 (1.0.0)
    package39604 (1.0.0)
    package39605 (1.0.0)
    package39606 (1.0.0)
    package39607 (1.0.0)
    package39608 (1.0.0)
    package39609 (1.0.0)
    package39610 (1.0.0)
    package39611 (1.0.0)
    package39612 (1.0.0)
    package39613 (1.0.0)
    package39614 (1.0.0)
    package39615 (1.0.0)
    package39616 (1.0.0)
    package39617 (1.0.0)
    package39618 (1.0.0)
    package39619 (1.0.0)
    package39620 (1.0.0)
    package39621 (1.0.0)
    package39622 (1.0.0)
    package39623 (1.0.0)
    package39624 (1.0.0)
    package39625 (1.0.0)
    package39626 (1.0.0)
    package39627 (1.0.0)
    package39628 (1.0.0)
    package39629 (1.0.0)
    package39630 (1.0.0)
    package39631 (1.0.0)
    package39632 (1.0.0)
    package39633 (1.0.0)
    package39634 (1.0.0)
    package39635 (1.0.0)
    package39636 (1.0.0)
    package39637 (1.0.0)
    package39638 (1.0.0)
    package39639 (1.0.0)
    package39640 (1.0.0)
    package39641 (1.0.0)
    package39642 (1.0.0)
    package39643 (1.0.0)
    package39644 (1.0.0)
    package39645 (1.0.0)
    package39646 (1.0.0)
    package39647 (1.0.0)
    package39648 (1.0.0)
    package39649 (1.0.0)
    package39650 (1.0.0)
    package39651 (1.0.0)
    package39652 (1.0.0)
    package39653 (1.0.0)
    package39654 (1.0.0)
    package39655 (1.0.0)
    package39656 (1.0.0)
    package39657 (1.0.0)
    package39658 (1.0.0)
    package39659 (1.0.0)
    package39660 (1.0.0)
    package39661 (1.0.0)
    package39662 (1.0.0)
    package39663 (1.0.0)
    package39664 (1.0.0)
    package39665 (1.0.0)
    package39666 (1.0.0)
    package39667 (1.0.0)
    package39668 (1.0.0)
    package39669 (1.0.0)
    package39670 (1.0.0)
    package39671 (1.0.0)
    package39672 (1.0.0)
    package39673 (1.0.0)
    package39674 (1.0.0)
    package39675 (1.0.0)
    package39676 (1.0.0)
    package39677 (1.0.0)
    package39678 (1.0.0)
    package39679 (1.0.0)
    package39680 (1.0.0)
    package39681 (1.0.0)
    package39682 (1.0.0)
    package39683 (1.0.0)
    package39684 (1.0.0)
    package39685 (1.0.0)
    package39686 (1.0.0)
    package39687 (1.0.0)
    package39688 (1.0.0)
    package39689 (1.0.0)
    package39690 (1.0.0)
    package39691 (1.0.0)
    package39692 (1.0.0)
    package39693 (1.0.0)
    package39694 (1.0.0)
    package39695 (1.0.0)
    package39696 (1.0.0)
    package39697 (1.0.0)
    package39698 (1.0.0)
    package39699 (1.0.0)
    package39700 (1.0.0)
    package39701 (1.0.0)
    package39702 (1.0.0)
    package39703 (1.0.0)
    package39704 (1.0.0)
    package39705 (1.0.0)
    package39706 (1.0.0)
    package39707 (1.0.0)
    package39708 (1.0.0)
    package39709 (1.0.0)
    package39710 (1.0.0)
    package39711 (1.0.0)
    package39712 (1.0.0)
    package39713 (1.0.0)
    package39714 (1.0.0)
    package39715 (1.0.0)
    package39716 (1.0.0)
    package39717 (1.0.0)
    package39718 (1.0.0)
    package39719 (1.0.0)
    package39720 (1.0.0)
    package39721 (1.0.0)
    package39722 (1.0.0)
    package39723 (1.0.0)
    package39724 (1.0.0)
    package39725 (1.0.0)
    package39726 (1.0.0)
    package39727 (1.0.0)
    package39728 (1.0.0)
    package39729 (1.0.0)
    package39730 (1.0.0)
    package39731 (1.0.0)
    package39732 (1.0.0)
    package39733 (1.0.0)
    package39734 (1.0.0)
    package39735 (1.0.0)
    package39736 (1.0.0)
    package39737 (1.0.0)
    package39738 (1.0.0)
    package39739 (1.0.0)
    package39740 (1.0.0)
    package39741 (1.0.0)
    package39742 (1.0.0)
    package39743 (1.0.0)
    package39744 (1.0.0)
    package39745 (1.0.0)
    package39746 (1.0.0)
    package39747 (1.0.0)
    package39748 (1.0.0)
    package39749 (1.0.0)
    package39750 (1.0.0)
    package39751 (1.0.0)
    package39752 (1.0.0)
    package39753 (1.0.0)
    package39754 (1.0.0)
    package39755 (1.0.0)
    package39756 (1.0.0)
    package39757 (1.0.0)
    package39758 (1.0.0)
    package39759 (1.0.0)
    package39760 (1.0.0)
    package39761 (1.0.0)
    package39762 (1.0.0)
    package39763 (1.0.0)
    package39764 (1.0.0)
    package39765 (1.0.0)
    package39766 (1.0.0)
    package39767 (1.0.0)
    package39768 (1.0.0)
    package39769 (1.0.0)
    package39770 (1.0.0)
    package39771 (1.0.0)
    package39772 (1.0.0)
    package39773 (1.0.0)
    package39774 (1.0.0)
    package39775 (1.0.0)
    package39776 (1.0.0)
    package39777 (1.0.0)
    package39778 (1.0.0)
    package39779 (1.0.0)
    package39780 (1.0.0)
    package39781 (1.0.0)
    package39782 (1.0.0)
    package39783 (1.0.0)
    package39784 (1.0.0)
    package39785 (1.0.0)
    package39786 (1.0.0)
    package39787 (1.0.0)
    package39788 (1.0.0)
    package39789 (1.0.0)
    package39790 (1.0.0)
    package39791 (1.0.0)
    package39792 (1.0.0)
    package39793 (1.0.0)
    package39794 (1.0.0)
    package39795 (1.0.0)
    package39796 (1.0.0)
    package39797 (1.0.0)
    package39798 (1.0.0)
    package39799 (1.0.0)
    package39800 (1.0.0)
    package39801 (1.0.0)
    package39802 (1.0.0)
    package39803 (1.0.0)
    package39804 (1.0.0)
    package39805 (1.0.0)
    package39806 (1.0.0)
    package39807 (1.0.0)
    package39808 (1.0.0)
    package39809 (1.0.0)
    package39810 (1.0.0)
    package39811 (1.0.0)
    package39812 (1.0.0)
    package39813 (1.0.0)
    package39814 (1.0.0)
    package39815 (1.0.0)
    package39816 (1.0.0)
    package39817 (1.0.0)
    package39818 (1.0.0)
    package39819 (1.0.0)
    package39820 (1.0.0)
    package39821 (1.0.0)
    package39822 (1.0.0)
    package39823 (1.0.0)
    package39824 (1.0.0)
    package39825 (1.0.0)
    package39826 (1.0.0)
    package39827 (1.0.0)
    package39828 (1.0.0)
    package39829 (1.0.0)
    package39830 (1.0.0)
    package39831 (1.0.0)
    package39832 (1.0.0)
    package39833 (1.0.0)
    package39834 (1.0.0)
    package39835 (1.0.0)
    package39836 (1.0.0)
    package39837 (1.0.0)
    package39838 (1.0.0)
    package39839 (1.0.0)
    package39840 (1.0.0)
    package39841 (1.0.0)
    package39842 (1.0.0)
    package39843 (1.0.0)
    package39844 (1.0.0)
    package39845 (1.0.0)
    package39846 (1.0.0)
    package39847 (1.0.0)
    package39848 (1.0.0)
    package39849 (1.0.0)
    package39850 (1.0.0)
    package39851 (1.0.0)
    package39852 (1.0.0)
    package39853 (1.0.0)
    package39854 (1.0.0)
    package39855 (1.0.0)
    package39856 (1.0.0)
    package39857 (1.0.0)
    package39858 (1.0.0)
    package39859 (1.0.0)
    package39860 (1.0.0)
    package39861 (1.0.0)
    package39862 (1.0.0)
    package39863 (1.0.0)
    package39864 (1.0.0)
    package39865 (1.0.0)
    package39866 (1.0.0)
    package39867 (1.0.0)
    package39868 (1.0.0)
    package39869 (1.0.0)
    package39870 (1.0.0)
    package39871 (1.0.0)
    package39872 (1.0.0)
    package39873 (1.0.0)
    package39874 (1.0.0)
    package39875 (1.0.0)
    package39876 (1.0.0)
    package39877 (1.0.0)
    package39878 (1.0.0)
    package39879 (1.0.0)
    package39880 (1.0.0)
    package39881 (1.0.0)
    package39882 (1.0.0)
    package39883 (1.0.0)
    package39884 (1.0.0)
    package39885 (1.0.0)
    package39886 (1.0.0)
    package39887 (1.0.0)
    package39888 (1.0.0)
    package39889 (1.0.0)
    package39890 (1.0.0)
    package39891 (1.0.0)
    package39892 (1.0.0)
    package39893 (1.0.0)
    package39894 (1.0.0)
    package39895 (1.0.0)
    package39896 (1.0.0)
    package39897 (1.0.0)
    package39898 (1.0.0)
    package39899 (1.0.0)
    package39900 (1.0.0)
    package39901 (1.0.0)
    package39902 (1.0.0)
    package39903 (1.0.0)
    package39904 (1.0.0)
    package39905 (1.0.0)
    package39906 (1.0.0)
    package39907 (1.0.0)
    package39908 (1.0.0)
    package39909 (1.0.0)
    package39910 (1.0.0)
    package39911 (1.0.0)
    package39912 (1.0.0)
    package39913 (1.0.0)
    package39914 (1.0.0)
    package39915 (1.0.0)
    package39916 (1.0.0)
    package39917 (1.0.0)
    package39918 (1.0.0)
    package39919 (1.0.0)
    package39920 (1.0.0)
    package39921 (1.0.0)
    package39922 (1.0.0)
    package39923 (1.0.0)
    package39924 (1.0.0)
    package39925 (1.0.0)
    package39926 (1.0.0)
    package39927 (1.0.0)
    package39928 (1.0.0)
    package39929 (1.0.0)
    package39930 (1.0.0)
    package39931 (1.0.0)
    package39932 (1.0.0)
    package39933 (1.0.0)
    package39934 (1.0.0)
    package39935 (1.0.0)
    package39936 (1.0.0)
    package39937 (1.0.0)
    package39938 (1.0.0)
    package39939 (1.0.0)
    package39940 (1.0.0)
    package39941 (1.0.0)
    package39942 (1.0.0)
    package39943 (1.0.0)
    package39944 (1.0.0)
    package39945 (1.0.0)
    package39946 (1.0.0)
    package39947 (1.0.0)
    package39948 (1.0.0)
    package39949 (1.0.0)
    package39950 (1.0.0)
    package39951 (1.0.0)
    package39952 (1.0.0)
    package39953 (1.0.0)
    package39954 (1.0.0)
    package39955 (1.0.0)
    package39956 (1.0.0)
    package39957 (1.0.0)
    package39958 (1.0.0)
    package39959 (1.0.0)
    package39960 (1.0.0)
    package39961 (1.0.0)
    package39962 (1.0.0)
    package39963 (1.0.0)
    package39964 (1.0.0)
    package39965 (1.0.0)
    package39966 (1.0.0)
    package39967 (1.0.0)
    package39968 (1.0.0)
    package39969 (1.0.0)
    package39970 (1.0.0)
    package39971 (1.0.0)
    package39972 (1.0.0)
    package39973 (1.0.0)
    package39974 (1.0.0)
    package39975 (1.0.0)
    package39976 (1.0.0)
    package39977 (1.0.0)
    package39978 (1.0.0)
    package39979 (1.0.0)
    package39980 (1.0.0)
    package39981 (1.0.0)
    package39982 (1.0.0)
    package39983 (1.0.0)
    package39984 (1.0.0)
    package39985 (1.0.0)
    package39986 (1.0.0)
    package39987 (1.0.0)
    package39988 (1.0.0)
    package39989 (1.0.0)
    package39990 (1.0.0)
    package39991 (1.0.0)
    package39992 (1.0.0)
    package39993 (1.0.0)
    package39994 (1.0.0)
    package39995 (1.0.0)
    package39996 (1.0.0)
    package39997 (1.0.0)
    package39998 (1.0.0)
    package39999 (1.0.0)
    package40000 (1.0.0)
    package40001 (1.0.0)
    package40002 (1.0.0)
    package40003 (1.0.0)
    package40004 (1.0.0)
    package40005 (1.0.0)
    package40006 (1.0.0)
    package40007 (1.0.0)
    package40008 (1.0.0)
    package40009 (1.0.0)
    package40010 (1.0.0)
    package40011 (1.0.0)
    package40012 (1.0.0)
    package40013 (1.0.0)
    package40014 (1.0.0)
    package40015 (1.0.0)
    package40016 (1.0.0)
    package40017 (1.0.0)
    package40018 (1.0.0)
    package40019 (1.0.0)
    package40020 (1.0.0)
    package40021 (1.0.0)
    package40022 (1.0.0)
    package40023 (1.0.0)
    package40024 (1.0.0)
    package40025 (1.0.0)
    package40026 (1.0.0)
    package40027 (1.0.0)
    package40028 (1.0.0)
    package40029 (1.0.0)
    package40030 (1.0.0)
    package40031 (1.0.0)
    package40032 (1.0.0)
    package40033 (1.0.0)
    package40034 (1.0.0)
    package40035 (1.0.0)
    package40036 (1.0.0)
    package40037 (1.0.0)
    package40038 (1.0.0)
    package40039 (1.0.0)
    package40040 (1.0.0)
    package40041 (1.0.0)
    package40042 (1.0.0)
    package40043 (1.0.0)
    package40044 (1.0.0)
    package40045 (1.0.0)
    package40046 (1.0.0)
    package40047 (1.0.0)
    package40048 (1.0.0)
    package40049 (1.0.0)
    package40050 (1.0.0)
    package40051 (1.0.0)
    package40052 (1.0.0)
    package40053 (1.0.0)
    package40054 (1.0.0)
    package40055 (1.0.0)
    package40056 (1.0.0)
    package40057 (1.0.0)
    package40058 (1.0.0)
    package40059 (1.0.0)
    package40060 (1.0.0)
    package40061 (1.0.0)
    package40062 (1.0.0)
    package40063 (1.0.0)
    package40064 (1.0.0)
    package40065 (1.0.0)
    package40066 (1.0.0)
    package40067 (1.0.0)
    package40068 (1.0.0)
    package40069 (1.0.0)
    package40070 (1.0.0)
    package40071 (1.0.0)
    package40072 (1.0.0)
    package40073 (1.0.0)
    package40074 (1.0.0)
    package40075 (1.0.0)
    package40076 (1.0.0)
    package40077 (1.0.0)
    package40078 (1.0.0)
    package40079 (1.0.0)
    package40080 (1.0.0)
    package40081 (1.0.0)
    package40082 (1.0.0)
    package40083 (1.0.0)
    package40084 (1.0.0)
    package40085 (1.0.0)
    package40086 (1.0.0)
    package40087 (1.0.0)
    package40088 (1.0.0)
    package40089 (1.0.0)
    package40090 (1.0.0)
    package40091 (1.0.0)
    package40092 (1.0.0)
    package40093 (1.0.0)
    package40094 (1.0.0)
    package40095 (1.0.0)
    package40096 (1.0.0)
    package40097 (1.0.0)
    package40098 (1.0.0)
    package40099 (1.0.0)
    package40100 (1.0.0)
    package40101 (1.0.0)
    package40102 (1.0.0)
    package40103 (1.0.0)
    package40104 (1.0.0)
    package40105 (1.0.0)
    package40106 (1.0.0)
    package40107 (1.0.0)
    package40108 (1.0.0)
    package40109 (1.0.0)
    package40110 (1.0.0)
    package40111 (1.0.0)
    package40112 (1.0.0)
    package40113 (1.0.0)
    package40114 (1.0.0)
    package40115 (1.0.0)
    package40116 (1.0.0)
    package40117 (1.0.0)
    package40118 (1.0.0)
    package40119 (1.0.0)
    package40120 (1.0.0)
    package40121 (1.0.0)
    package40122 (1.0.0)
    package40123 (1.0.0)
    package40124 (1.0.0)
    package40125 (1.0.0)
    package40126 (1.0.0)
    package40127 (1.0.0)
    package40128 (1.0.0)
    package40129 (1.0.0)
    package40130 (1.0.0)
    package40131 (1.0.0)
    package40132 (1.0.0)
    package40133 (1.0.0)
    package40134 (1.0.0)
    package40135 (1.0.0)
    package40136 (1.0.0)
    package40137 (1.0.0)
    package40138 (1.0.0)
    package40139 (1.0.0)
    package40140 (1.0.0)
    package40141 (1.0.0)
    package40142 (1.0.0)
    package40143 (1.0.0)
    package40144 (1.0.0)
    package40145 (1.0.0)
    package40146 (1.0.0)
    package40147 (1.0.0)
    package40148 (1.0.0)
    package40149 (1.0.0)
    package40150 (1.0.0)
    package40151 (1.0.0)
    package40152 (1.0.0)
    package40153 (1.0.0)
    package40154 (1.0.0)
    package40155 (1.0.0)
    package40156 (1.0.0)
    package40157 (1.0.0)
    package40158 (1.0.0)
    package40159 (1.0.0)
    package40160 (1.0.0)
    package40161 (1.0.0)
    package40162 (1.0.0)
    package40163 (1.0.0)
    package40164 (1.0.0)
    package40165 (1.0.0)
    package40166 (1.0.0)
    package40167 (1.0.0)
    package40168 (1.0.0)
    package40169 (1.0.0)
    package40170 (1.0.0)
    package40171 (1.0.0)
    package40172 (1.0.0)
    package40173 (1.0.0)
    package40174 (1.0.0)
    package40175 (1.0.0)
    package40176 (1.0.0)
    package40177 (1.0.0)
    package40178 (1.0.0)
    package40179 (1.0.0)
    package40180 (1.0.0)
    package40181 (1.0.0)
    package40182 (1.0.0)
    package40183 (1.0.0)
    package40184 (1.0.0)
    package40185 (1.0.0)
    package40186 (1.0.0)
    package40187 (1.0.0)
    package40188 (1.0.0)
    package40189 (1.0.0)
    package40190 (1.0.0)
    package40191 (1.0.0)
    package40192 (1.0.0)
    package40193 (1.0.0)
    package40194 (1.0.0)
    package40195 (1.0.0)
    package40196 (1.0.0)
    package40197 (1.0.0)
    package40198 (1.0.0)
    package40199 (1.0.0)
    package40200 (1.0.0)
    package40201 (1.0.0)
    package40202 (1.0.0)
    package40203 (1.0.0)
    package40204 (1.0.0)
    package40205 (1.0.0)
    package40206 (1.0.0)
    package40207 (1.0.0)
    package40208 (1.0.0)
    package40209 (1.0.0)
    package40210 (1.0.0)
    package40211 (1.0.0)
    package40212 (1.0.0)
    package40213 (1.0.0)
    package40214 (1.0.0)
    package40215 (1.0.0)
    package40216 (1.0.0)
    package40217 (1.0.0)
    package40218 (1.0.0)
    package40219 (1.0.0)
    package40220 (1.0.0)
    package40221 (1.0.0)
    package40222 (1.0.0)
    package40223 (1.0.0)
    package40224 (1.0.0)
    package40225 (1.0.0)
    package40226 (1.0.0)
    package40227 (1.0.0)
    package40228 (1.0.0)
    package40229 (1.0.0)
    package40230 (1.0.0)
    package40231 (1.0.0)
    package40232 (1.0.0)
    package40233 (1.0.0)
    package40234 (1.0.0)
    package40235 (1.0.0)
    package40236 (1.0.0)
    package40237 (1.0.0)
    package40238 (1.0.0)
    package40239 (1.0.0)
    package40240 (1.0.0)
    package40241 (1.0.0)
    package40242 (1.0.0)
    package40243 (1.0.0)
    package40244 (1.0.0)
    package40245 (1.0.0)
    package40246 (1.0.0)
    package40247 (1.0.0)
    package40248 (1.0.0)
    package40249 (1.0.0)
    package40250 (1.0.0)
    package40251 (1.0.0)
    package40252 (1.0.0)
    package40253 (1.0.0)
    package40254 (1.0.0)
    package40255 (1.0.0)
    package40256 (1.0.0)
    package40257 (1.0.0)
    package40258 (1.0.0)
    package40259 (1.0.0)
    package40260 (1.0.0)
    package40261 (1.0.0)
    package40262 (1.0.0)
    package40263 (1.0.0)
    package40264 (1.0.0)
    package40265 (1.0.0)
    package40266 (1.0.0)
    package40267 (1.0.0)
    package40268 (1.0.0)
    package40269 (1.0.0)
    package40270 (1.0.0)
    package40271 (1.0.0)
    package40272 (1.0.0)
    package40273 (1.0.0)
    package40274 (1.0.0)
    package40275 (1.0.0)
    package40276 (1.0.0)
    package40277 (1.0.0)
    package40278 (1.0.0)
    package40279 (1.0.0)
    package40280 (1.0.0)
    package40281 (1.0.0)
    package40282 (1.0.0)
    package40283 (1.0.0)
    package40284 (1.0.0)
    package40285 (1.0.0)
    package40286 (1.0.0)
    package40287 (1.0.0)
    package40288 (1.0.0)
    package40289 (1.0.0)
    package40290 (1.0.0)
    package40291 (1.0.0)
    package40292 (1.0.0)
    package40293 (1.0.0)
    package40294 (1.0.0)
    package40295 (1.0.0)
    package40296 (1.0.0)
    package40297 (1.0.0)
    package40298 (1.0.0)
    package40299 (1.0.0)
    package40300 (1.0.0)
    package40301 (1.0.0)
    package40302 (1.0.0)
    package40303 (1.0.0)
    package40304 (1.0.0)
    package40305 (1.0.0)
    package40306 (1.0.0)
    package40307 (1.0.0)
    package40308 (1.0.0)
    package40309 (1.0.0)
    package40310 (1.0.0)
    package40311 (1.0.0)
    package40312 (1.0.0)
    package40313 (1.0.0)
    package40314 (1.0.0)
    package40315 (1.0.0)
    package40316 (1.0.0)
    package40317 (1.0.0)
    package40318 (1.0.0)
    package40319 (1.0.0)
    package40320 (1.0.0)
    package40321 (1.0.0)
    package40322 (1.0.0)
    package40323 (1.0.0)
    package40324 (1.0.0)
    package40325 (1.0.0)
    package40326 (1.0.0)
    package40327 (1.0.0)
    package40328 (1.0.0)
    package40329 (1.0.0)
    package40330 (1.0.0)
    package40331 (1.0.0)
    package40332 (1.0.0)
    package40333 (1.0.0)
    package40334 (1.0.0)
    package40335 (1.0.0)
    package40336 (1.0.0)
    package40337 (1.0.0)
    package40338 (1.0.0)
    package40339 (1.0.0)
    package40340 (1.0.0)
    package40341 (1.0.0)
    package40342 (1.0.0)
    package40343 (1.0.0)
    package40344 (1.0.0)
    package40345 (1.0.0)
    package40346 (1.0.0)
    package40347 (1.0.0)
    package40348 (1.0.0)
    package40349 (1.0.0)
    package40350 (1.0.0)
    package40351 (1.0.0)
    package40352 (1.0.0)
    package40353 (1.0.0)
    package40354 (1.0.0)
    package40355 (1.0.0)
    package40356 (1.0.0)
    package40357 (1.0.0)
    package40358 (1.0.0)
    package40359 (1.0.0)
    package40360 (1.0.0)
    package40361 (1.0.0)
    package40362 (1.0.0)
    package40363 (1.0.0)
    package40364 (1.0.0)
    package40365 (1.0.0)
    package40366 (1.0.0)
    package40367 (1.0.0)
    package40368 (1.0.0)
    package40369 (1.0.0)
    package40370 (1.0.0)
    package40371 (1.0.0)
    package40372 (1.0.0)
    package40373 (1.0.0)
    package40374 (1.0.0)
    package40375 (1.0.0)
    package40376 (1.0.0)
    package40377 (1.0.0)
    package40378 (1.0.0)
    package40379 (1.0.0)
    package40380 (1.0.0)
    package40381 (1.0.0)
    package40382 (1.0.0)
    package40383 (1.0.0)
    package40384 (1.0.0)
    package40385 (1.0.0)
    package40386 (1.0.0)
    package40387 (1.0.0)
    package40388 (1.0.0)
    package40389 (1.0.0)
    package40390 (1.0.0)
    package40391 (1.0.0)
    package40392 (1.0.0)
    package40393 (1.0.0)
    package40394 (1.0.0)
    package40395 (1.0.0)
    package40396 (1.0.0)
    package40397 (1.0.0)
    package40398 (1.0.0)
    package40399 (1.0.0)
    package40400 (1.0.0)
    package40401 (1.0.0)
    package40402 (1.0.0)
    package40403 (1.0.0)
    package40404 (1.0.0)
    package40405 (1.0.0)
    package40406 (1.0.0)
    package40407 (1.0.0)
    package40408 (1.0.0)
    package40409 (1.0.0)
    package40410 (1.0.0)
    package40411 (1.0.0)
    package40412 (1.0.0)
    package40413 (1.0.0)
    package40414 (1.0.0)
    package40415 (1.0.0)
    package40416 (1.0.0)
    package40417 (1.0.0)
    package40418 (1.0.0)
    package40419 (1.0.0)
    package40420 (1.0.0)
    package40421 (1.0.0)
    package40422 (1.0.0)
    package40423 (1.0.0)
    package40424 (1.0.0)
    package40425 (1.0.0)
    package40426 (1.0.0)
    package40427 (1.0.0)
    package40428 (1.0.0)
    package40429 (1.0.0)
    package40430 (1.0.0)
    package40431 (1.0.0)
    package40432 (1.0.0)
    package40433 (1.0.0)
    package40434 (1.0.0)
    package40435 (1.0.0)
    package40436 (1.0.0)
    package40437 (1.0.0)
    package40438 (1.0.0)
    package40439 (1.0.0)
    package40440 (1.0.0)
    package40441 (1.0.0)
    package40442 (1.0.0)
    package40443 (1.0.0)
    package40444 (1.0.0)
    package40445 (1.0.0)
    package40446 (1.0.0)
    package40447 (1.0.0)
    package40448 (1.0.0)
    package40449 (1.0.0)
    package40450 (1.0.0)
    package40451 (1.0.0)
    package40452 (1.0.0)
    package40453 (1.0.0)
    package40454 (1.0.0)
    package40455 (1.0.0)
    package40456 (1.0.0)
    package40457 (1.0.0)
    package40458 (1.0.0)
    package40459 (1.0.0)
    package40460 (1.0.0)
    package40461 (1.0.0)
    package40462 (1.0.0)
    package40463 (1.0.0)
    package40464 (1.0.0)
    package40465 (1.0.0)
    package40466 (1.0.0)
    package40467 (1.0.0)
    package40468 (1.0.0)
    package40469 (1.0.0)
    package40470 (1.0.0)
    package40471 (1.0.0)
    package40472 (1.0.0)
    package40473 (1.0.0)
    package40474 (1.0.0)
    package40475 (1.0.0)
    package40476 (1.0.0)
    package40477 (1.0.0)
    package40478 (1.0.0)
    package40479 (1.0.0)
    package40480 (1.0.0)
    package40481 (1.0.0)
    package40482 (1.0.0)
    package40483 (1.0.0)
    package40484 (1.0.0)
    package40485 (1.0.0)
    package40486 (1.0.0)
    package40487 (1.0.0)
    package40488 (1.0.0)
    package40489 (1.0.0)
    package40490 (1.0.0)
    package40491 (1.0.0)
    package40492 (1.0.0)
    package40493 (1.0.0)
    package40494 (1.0.0)
    package40495 (1.0.0)
    package40496 (1.0.0)
    package40497 (1.0.0)
    package40498 (1.0.0)
    package40499 (1.0.0)
    package40500 (1.0.0)
    package40501 (1.0.0)
    package40502 (1.0.0)
    package40503 (1.0.0)
    package40504 (1.0.0)
    package40505 (1.0.0)
    package40506 (1.0.0)
    package40507 (1.0.0)
    package40508 (1.0.0)
    package40509 (1.0.0)
    package40510 (1.0.0)
    package40511 (1.0.0)
    package40512 (1.0.0)
    package40513 (1.0.0)
    package40514 (1.0.0)
    package40515 (1.0.0)
    package40516 (1.0.0)
    package40517 (1.0.0)
    package40518 (1.0.0)
    package40519 (1.0.0)
    package40520 (1.0.0)
    package40521 (1.0.0)
    package40522 (1.0.0)
    package40523 (1.0.0)
    package40524 (1.0.0)
    package40525 (1.0.0)
    package40526 (1.0.0)
    package40527 (1.0.0)
    package40528 (1.0.0)
    package40529 (1.0.0)
    package40530 (1.0.0)
    package40531 (1.0.0)
    package40532 (1.0.0)
    package40533 (1.0.0)
    package40534 (1.0.0)
    package40535 (1.0.0)
    package40536 (1.0.0)
    package40537 (1.0.0)
    package40538 (1.0.0)
    package40539 (1.0.0)
    package40540 (1.0.0)
    package40541 (1.0.0)
    package40542 (1.0.0)
    package40543 (1.0.0)
    package40544 (1.0.0)
    package40545 (1.0.0)
    package40546 (1.0.0)
    package40547 (1.0.0)
    package40548 (1.0.0)
    package40549 (1.0.0)
    package40550 (1.0.0)
    package40551 (1.0.0)
    package40552 (1.0.0)
    package40553 (1.0.0)
    package40554 (1.0.0)
    package40555 (1.0.0)
    package40556 (1.0.0)
    package40557 (1.0.0)
    package40558 (1.0.0)
    package40559 (1.0.0)
    package40560 (1.0.0)
    package40561 (1.0.0)
    package40562 (1.0.0)
    package40563 (1.0.0)
    package40564 (1.0.0)
    package40565 (1.0.0)
    package40566 (1.0.0)
    package40567 (1.0.0)
    package40568 (1.0.0)
    package40569 (1.0.0)
    package40570 (1.0.0)
    package40571 (1.0.0)
    package40572 (1.0.0)
    package40573 (1.0.0)
    package40574 (1.0.0)
    package40575 (1.0.0)
    package40576 (1.0.0)
    package40577 (1.0.0)
    package40578 (1.0.0)
    package40579 (1.0.0)
    package40580 (1.0.0)
    package40581 (1.0.0)
    package40582 (1.0.0)
    package40583 (1.0.0)
    package40584 (1.0.0)
    package40585 (1.0.0)
    package40586 (1.0.0)
    package40587 (1.0.0)
    package40588 (1.0.0)
    package40589 (1.0.0)
    package40590 (1.0.0)
    package40591 (1.0.0)
    package40592 (1.0.0)
    package40593 (1.0.0)
    package40594 (1.0.0)
    package40595 (1.0.0)
    package40596 (1.0.0)
    package40597 (1.0.0)
    package40598 (1.0.0)
    package40599 (1.0.0)
    package40600 (1.0.0)
    package40601 (1.0.0)
    package40602 (1.0.0)
    package40603 (1.0.0)
    package40604 (1.0.0)
    package40605 (1.0.0)
    package40606 (1.0.0)
    package40607 (1.0.0)
    package40608 (1.0.0)
    package40609 (1.0.0)
    package40610 (1.0.0)
    package40611 (1.0.0)
    package40612 (1.0.0)
    package40613 (1.0.0)
    package40614 (1.0.0)
    package40615 (1.0.0)
    package40616 (1.0.0)
    package40617 (1.0.0)
    package40618 (1.0.0)
    package40619 (1.0.0)
    package40620 (1.0.0)
    package40621 (1.0.0)
    package40622 (1.0.0)
    package40623 (1.0.0)
    package40624 (1.0.0)
    package40625 (1.0.0)
    package40626 (1.0.0)
    package40627 (1.0.0)
    package40628 (1.0.0)
    package40629 (1.0.0)
    package40630 (1.0.0)
    package40631 (1.0.0)
    package40632 (1.0.0)
    package40633 (1.0.0)
    package40634 (1.0.0)
    package40635 (1.0.0)
    package40636 (1.0.0)
    package40637 (1.0.0)
    package40638 (1.0.0)
    package40639 (1.0.0)
    package40640 (1.0.0)
    package40641 (1.0.0)
    package40642 (1.0.0)
    package40643 (1.0.0)
    package40644 (1.0.0)
    package40645 (1.0.0)
    package40646 (1.0.0)
    package40647 (1.0.0)
    package40648 (1.0.0)
    package40649 (1.0.0)
    package40650 (1.0.0)
    package40651 (1.0.0)
    package40652 (1.0.0)
    package40653 (1.0.0)
    package40654 (1.0.0)
    package40655 (1.0.0)
    package40656 (1.0.0)
    package40657 (1.0.0)
    package40658 (1.0.0)
    package40659 (1.0.0)
    package40660 (1.0.0)
    package40661 (1.0.0)
    package40662 (1.0.0)
    package40663 (1.0.0)
    package40664 (1.0.0)
    package40665 (1.0.0)
    package40666 (1.0.0)
    package40667 (1.0.0)
    package40668 (1.0.0)
    package40669 (1.0.0)
    package40670 (1.0.0)
    package40671 (1.0.0)
    package40672 (1.0.0)
    package40673 (1.0.0)
    package40674 (1.0.0)
    package40675 (1.0.0)
    package40676 (1.0.0)
    package40677 (1.0.0)
    package40678 (1.0.0)
    package40679 (1.0.0)
    package40680 (1.0.0)
    package40681 (1.0.0)
    package40682 (1.0.0)
    package40683 (1.0.0)
    package40684 (1.0.0)
    package40685 (1.0.0)
    package40686 (1.0.0)
    package40687 (1.0.0)
    package40688 (1.0.0)
    package40689 (1.0.0)
    package40690 (1.0.0)
    package40691 (1.0.0)
    package40692 (1.0.0)
    package40693 (1.0.0)
    package40694 (1.0.0)
    package40695 (1.0.0)
    package40696 (1.0.0)
    package40697 (1.0.0)
    package40698 (1.0.0)
    package40699 (1.0.0)
    package40700 (1.0.0)
    package40701 (1.0.0)
    package40702 (1.0.0)
    package40703 (1.0.0)
    package40704 (1.0.0)
    package40705 (1.0.0)
    package40706 (1.0.0)
    package40707 (1.0.0)
    package40708 (1.0.0)
    package40709 (1.0.0)
    package40710 (1.0.0)
    package40711 (1.0.0)
    package40712 (1.0.0)
    package40713 (1.0.0)
    package40714 (1.0.0)
    package40715 (1.0.0)
    package40716 (1.0.0)
    package40717 (1.0.0)
    package40718 (1.0.0)
    package40719 (1.0.0)
    package40720 (1.0.0)
    package40721 (1.0.0)
    package40722 (1.0.0)
    package40723 (1.0.0)
    package40724 (1.0.0)
    package40725 (1.0.0)
    package40726 (1.0.0)
    package40727 (1.0.0)
    package40728 (1.0.0)
    package40729 (1.0.0)
    package40730 (1.0.0)
    package40731 (1.0.0)
    package40732 (1.0.0)
    package40733 (1.0.0)
    package40734 (1.0.0)
    package40735 (1.0.0)
    package40736 (1.0.0)
    package40737 (1.0.0)
    package40738 (1.0.0)
    package40739 (1.0.0)
    package40740 (1.0.0)
    package40741 (1.0.0)
    package40742 (1.0.0)
    package40743 (1.0.0)
    package40744 (1.0.0)
    package40745 (1.0.0)
    package40746 (1.0.0)
    package40747 (1.0.0)
    package40748 (1.0.0)
    package40749 (1.0.0)
    package40750 (1.0.0)
    package40751 (1.0.0)
    package40752 (1.0.0)
    package40753 (1.0.0)
    package40754 (1.0.0)
    package40755 (1.0.0)
    package40756 (1.0.0)
    package40757 (1.0.0)
    package40758 (1.0.0)
    package40759 (1.0.0)
    package40760 (1.0.0)
    package40761 (1.0.0)
    package40762 (1.0.0)
    package40763 (1.0.0)
    package40764 (1.0.0)
    package40765 (1.0.0)
    package40766 (1.0.0)
    package40767 (1.0.0)
    package40768 (1.0.0)
    package40769 (1.0.0)
    package40770 (1.0.0)
    package40771 (1.0.0)
    package40772 (1.0.0)
    package40773 (1.0.0)
    package40774 (1.0.0)
    package40775 (1.0.0)
    package40776 (1.0.0)
    package40777 (1.0.0)
    package40778 (1.0.0)
    package40779 (1.0.0)
    package40780 (1.0.0)
    package40781 (1.0.0)
    package40782 (1.0.0)
    package40783 (1.0.0)
    package40784 (1.0.0)
    package40785 (1.0.0)
    package40786 (1.0.0)
    package40787 (1.0.0)
    package40788 (1.0.0)
    package40789 (1.0.0)
    package40790 (1.0.0)
    package40791 (1.0.0)
    package40792 (1.0.0)
    package40793 (1.0.0)
    package40794 (1.0.0)
    package40795 (1.0.0)
    package40796 (1.0.0)
    package40797 (1.0.0)
    package40798 (1.0.0)
    package40799 (1.0.0)
    package40800 (1.0.0)
    package40801 (1.0.0)
    package40802 (1.0.0)
    package40803 (1.0.0)
    package40804 (1.0.0)
    package40805 (1.0.0)
    package40806 (1.0.0)
    package40807 (1.0.0)
    package40808 (1.0.0)
    package40809 (1.0.0)
    package40810 (1.0.0)
    package40811 (1.0.0)
    package40812 (1.0.0)
    package40813 (1.0.0)
    package40814 (1.0.0)
    package40815 (1.0.0)
    package40816 (1.0.0)
    package40817 (1.0.0)
    package40818 (1.0.0)
    package40819 (1.0.0)
    package40820 (1.0.0)
    package40821 (1.0.0)
    package40822 (1.0.0)
    package40823 (1.0.0)
    package40824 (1.0.0)
    package40825 (1.0.0)
    package40826 (1.0.0)
    package40827 (1.0.0)
    package40828 (1.0.0)
    package40829 (1.0.0)
    package40830 (1.0.0)
    package40831 (1.0.0)
    package40832 (1.0.0)
    package40833 (1.0.0)
    package40834 (1.0.0)
    package40835 (1.0.0)
    package40836 (1.0.0)
    package40837 (1.0.0)
    package40838 (1.0.0)
    package40839 (1.0.0)
    package40840 (1.0.0)
    package40841 (1.0.0)
    package40842 (1.0.0)
    package40843 (1.0.0)
    package40844 (1.0.0)
    package40845 (1.0.0)
    package40846 (1.0.0)
    package40847 (1.0.0)
    package40848 (1.0.0)
    package40849 (1.0.0)
    package40850 (1.0.0)
    package40851 (1.0.0)
    package40852 (1.0.0)
    package40853 (1.0.0)
    package40854 (1.0.0)
    package40855 (1.0.0)
    package40856 (1.0.0)
    package40857 (1.0.0)
    package40858 (1.0.0)
    package40859 (1.0.0)
    package40860 (1.0.0)
    package40861 (1.0.0)
    package40862 (1.0.0)
    package40863 (1.0.0)
    package40864 (1.0.0)
    package40865 (1.0.0)
    package40866 (1.0.0)
    package40867 (1.0.0)
    package40868 (1.0.0)
    package40869 (1.0.0)
    package40870 (1.0.0)
    package40871 (1.0.0)
    package40872 (1.0.0)
    package40873 (1.0.0)
    package40874 (1.0.0)
    package40875 (1.0.0)
    package40876 (1.0.0)
    package40877 (1.0.0)
    package40878 (1.0.0)
    package40879 (1.0.0)
    package40880 (1.0.0)
    package40881 (1.0.0)
    package40882 (1.0.0)
    package40883 (1.0.0)
    package40884 (1.0.0)
    package40885 (1.0.0)
    package40886 (1.0.0)
    package40887 (1.0.0)
    package40888 (1.0.0)
    package40889 (1.0.0)
    package40890 (1.0.0)
    package40891 (1.0.0)
    package40892 (1.0.0)
    package40893 (1.0.0)
    package40894 (1.0.0)
    package40895 (1.0.0)
    package40896 (1.0.0)
    package40897 (1.0.0)
    package40898 (1.0.0)
    package40899 (1.0.0)
    package40900 (1.0.0)
    package40901 (1.0.0)
    package40902 (1.0.0)
    package40903 (1.0.0)
    package40904 (1.0.0)
    package40905 (1.0.0)
    package40906 (1.0.0)
    package40907 (1.0.0)
    package40908 (1.0.0)
    package40909 (1.0.0)
    package40910 (1.0.0)
    package40911 (1.0.0)
    package40912 (1.0.0)
    package40913 (1.0.0)
    package40914 (1.0.0)
    package40915 (1.0.0)
    package40916 (1.0.0)
    package40917 (1.0.0)
    package40918 (1.0.0)
    package40919 (1.0.0)
    package40920 (1.0.0)
    package40921 (1.0.0)
    package40922 (1.0.0)
    package40923 (1.0.0)
    package40924 (1.0.0)
    package40925 (1.0.0)
    package40926 (1.0.0)
    package40927 (1.0.0)
    package40928 (1.0.0)
    package40929 (1.0.0)
    package40930 (1.0.0)
    package40931 (1.0.0)
    package40932 (1.0.0)
    package40933 (1.0.0)
    package40934 (1.0.0)
    package40935 (1.0.0)
    package40936 (1.0.0)
    package40937 (1.0.0)
    package40938 (1.0.0)
    package40939 (1.0.0)
    package40940 (1.0.0)
    package40941 (1.0.0)
    package40942 (1.0.0)
    package40943 (1.0.0)
    package40944 (1.0.0)
    package40945 (1.0.0)
    package40946 (1.0.0)
    package40947 (1.0.0)
    package40948 (1.0.0)
    package40949 (1.0.0)
    package40950 (1.0.0)
    package40951 (1.0.0)
    package40952 (1.0.0)
    package40953 (1.0.0)
    package40954 (1.0.0)
    package40955 (1.0.0)
    package40956 (1.0.0)
    package40957 (1.0.0)
    package40958 (1.0.0)
    package40959 (1.0.0)
    package40960 (1.0.0)
    package40961 (1.0.0)
    package40962 (1.0.0)
    package40963 (1.0.0)
    package40964 (1.0.0)
    package40965 (1.0.0)
    package40966 (1.0.0)
    package40967 (1.0.0)
    package40968 (1.0.0)
    package40969 (1.0.0)
    package40970 (1.0.0)
    package40971 (1.0.0)
    package40972 (1.0.0)
    package40973 (1.0.0)
    package40974 (1.0.0)
    package40975 (1.0.0)
    package40976 (1.0.0)
    package40977 (1.0.0)
    package40978 (1.0.0)
    package40979 (1.0.0)
    package40980 (1.0.0)
    package40981 (1.0.0)
    package40982 (1.0.0)
    package40983 (1.0.0)
    package40984 (1.0.0)
    package40985 (1.0.0)
    package40986 (1.0.0)
    package40987 (1.0.0)
    package40988 (1.0.0)
    package40989 (1.0.0)
    package40990 (1.0.0)
    package40991 (1.0.0)
    package40992 (1.0.0)
    package40993 (1.0.0)
    package40994 (1.0.0)
    package40995 (1.0.0)
    package40996 (1.0.0)
    package40997 (1.0.0)
    package40998 (1.0.0)
    package40999 (1.0.0)
    package41000 (1.0.0)
    package41001 (1.0.0)
    package41002 (1.0.0)
    package41003 (1.0.0)
    package41004 (1.0.0)
    package41005 (1.0.0)
    package41006 (1.0.0)
    package41007 (1.0.0)
    package41008 (1.0.0)
    package41009 (1.0.0)
    package41010 (1.0.0)
    package41011 (1.0.0)
    package41012 (1.0.0)
    package41013 (1.0.0)
    package41014 (1.0.0)
    package41015 (1.0.0)
    package41016 (1.0.0)
    package41017 (1.0.0)
    package41018 (1.0.0)
    package41019 (1.0.0)
    package41020 (1.0.0)
    package41021 (1.0.0)
    package41022 (1.0.0)
    package41023 (1.0.0)
    package41024 (1.0.0)
    package41025 (1.0.0)
    package41026 (1.0.0)
    package41027 (1.0.0)
    package41028 (1.0.0)
    package41029 (1.0.0)
    package41030 (1.0.0)
    package41031 (1.0.0)
    package41032 (1.0.0)
    package41033 (1.0.0)
    package41034 (1.0.0)
    package41035 (1.0.0)
    package41036 (1.0.0)
    package41037 (1.0.0)
    package41038 (1.0.0)
    package41039 (1.0.0)
    package41040 (1.0.0)
    package41041 (1.0.0)
    package41042 (1.0.0)
    package41043 (1.0.0)
    package41044 (1.0.0)
    package41045 (1.0.0)
    package41046 (1.0.0)
    package41047 (1.0.0)
    package41048 (1.0.0)
    package41049 (1.0.0)
    package41050 (1.0.0)
    package41051 (1.0.0)
    package41052 (1.0.0)
    package41053 (1.0.0)
    package41054 (1.0.0)
    package41055 (1.0.0)
    package41056 (1.0.0)
    package41057 (1.0.0)
    package41058 (1.0.0)
    package41059 (1.0.0)
    package41060 (1.0.0)
    package41061 (1.0.0)
    package41062 (1.0.0)
    package41063 (1.0.0)
    package41064 (1.0.0)
    package41065 (1.0.0)
    package41066 (1.0.0)
    package41067 (1.0.0)
    package41068 (1.0.0)
    package41069 (1.0.0)
    package41070 (1.0.0)
    package41071 (1.0.0)
    package41072 (1.0.0)
    package41073 (1.0.0)
    package41074 (1.0.0)
    package41075 (1.0.0)
    package41076 (1.0.0)
    package41077 (1.0.0)
    package41078 (1.0.0)
    package41079 (1.0.0)
    package41080 (1.0.0)
    package41081 (1.0.0)
    package41082 (1.0.0)
    package41083 (1.0.0)
    package41084 (1.0.0)
    package41085 (1.0.0)
    package41086 (1.0.0)
    package41087 (1.0.0)
    package41088 (1.0.0)
    package41089 (1.0.0)
    package41090 (1.0.0)
    package41091 (1.0.0)
    package41092 (1.0.0)
    package41093 (1.0.0)
    package41094 (1.0.0)
    package41095 (1.0.0)
    package41096 (1.0.0)
    package41097 (1.0.0)
    package41098 (1.0.0)
    package41099 (1.0.0)
    package41100 (1.0.0)
    package41101 (1.0.0)
    package41102 (1.0.0)
    package41103 (1.0.0)
    package41104 (1.0.0)
    package41105 (1.0.0)
    package41106 (1.0.0)
    package41107 (1.0.0)
    package41108 (1.0.0)
    package41109 (1.0.0)
    package41110 (1.0.0)
    package41111 (1.0.0)
    package41112 (1.0.0)
    package41113 (1.0.0)
    package41114 (1.0.0)
    package41115 (1.0.0)
    package41116 (1.0.0)
    package41117 (1.0.0)
    package41118 (1.0.0)
    package41119 (1.0.0)
    package41120 (1.0.0)
    package41121 (1.0.0)
    package41122 (1.0.0)
    package41123 (1.0.0)
    package41124 (1.0.0)
    package41125 (1.0.0)
    package41126 (1.0.0)
    package41127 (1.0.0)
    package41128 (1.0.0)
    package41129 (1.0.0)
    package41130 (1.0.0)
    package41131 (1.0.0)
    package41132 (1.0.0)
    package41133 (1.0.0)
    package41134 (1.0.0)
    package41135 (1.0.0)
    package41136 (1.0.0)
    package41137 (1.0.0)
    package41138 (1.0.0)
    package41139 (1.0.0)
    package41140 (1.0.0)
    package41141 (1.0.0)
    package41142 (1.0.0)
    package41143 (1.0.0)
    package41144 (1.0.0)
    package41145 (1.0.0)
    package41146 (1.0.0)
    package41147 (1.0.0)
    package41148 (1.0.0)
    package41149 (1.0.0)
    package41150 (1.0.0)
    package41151 (1.0.0)
    package41152 (1.0.0)
    package41153 (1.0.0)
    package41154 (1.0.0)
    package41155 (1.0.0)
    package41156 (1.0.0)
    package41157 (1.0.0)
    package41158 (1.0.0)
    package41159 (1.0.0)
    package41160 (1.0.0)
    package41161 (1.0.0)
    package41162 (1.0.0)
    package41163 (1.0.0)
    package41164 (1.0.0)
    package41165 (1.0.0)
    package41166 (1.0.0)
    package41167 (1.0.0)
    package41168 (1.0.0)
    package41169 (1.0.0)
    package41170 (1.0.0)
    package41171 (1.0.0)
    package41172 (1.0.0)
    package41173 (1.0.0)
    package41174 (1.0.0)
    package41175 (1.0.0)
    package41176 (1.0.0)
    package41177 (1.0.0)
    package41178 (1.0.0)
    package41179 (1.0.0)
    package41180 (1.0.0)
    package41181 (1.0.0)
    package41182 (1.0.0)
    package41183 (1.0.0)
    package41184 (1.0.0)
    package41185 (1.0.0)
    package41186 (1.0.0)
    package41187 (1.0.0)
    package41188 (1.0.0)
    package41189 (1.0.0)
    package41190 (1.0.0)
    package41191 (1.0.0)
    package41192 (1.0.0)
    package41193 (1.0.0)
    package41194 (1.0.0)
    package41195 (1.0.0)
    package41196 (1.0.0)
    package41197 (1.0.0)
    package41198 (1.0.0)
    package41199 (1.0.0)
    package41200 (1.0.0)
    package41201 (1.0.0)
    package41202 (1.0.0)
    package41203 (1.0.0)
    package41204 (1.0.0)
    package41205 (1.0.0)
    package41206 (1.0.0)
    package41207 (1.0.0)
    package41208 (1.0.0)
    package41209 (1.0.0)
    package41210 (1.0.0)
    package41211 (1.0.0)
    package41212 (1.0.0)
    package41213 (1.0.0)
    package41214 (1.0.0)
    package41215 (1.0.0)
    package41216 (1.0.0)
    package41217 (1.0.0)
    package41218 (1.0.0)
    package41219 (1.0.0)
    package41220 (1.0.0)
    package41221 (1.0.0)
    package41222 (1.0.0)
    package41223 (1.0.0)
    package41224 (1.0.0)
    package41225 (1.0.0)
    package41226 (1.0.0)
    package41227 (1.0.0)
    package41228 (1.0.0)
    package41229 (1.0.0)
    package41230 (1.0.0)
    package41231 (1.0.0)
    package41232 (1.0.0)
    package41233 (1.0.0)
    package41234 (1.0.0)
    package41235 (1.0.0)
    package41236 (1.0.0)
    package41237 (1.0.0)
    package41238 (1.0.0)
    package41239 (1.0.0)
    package41240 (1.0.0)
    package41241 (1.0.0)
    package41242 (1.0.0)
    package41243 (1.0.0)
    package41244 (1.0.0)
    package41245 (1.0.0)
    package41246 (1.0.0)
    package41247 (1.0.0)
    package41248 (1.0.0)
    package41249 (1.0.0)
    package41250 (1.0.0)
    package41251 (1.0.0)
    package41252 (1.0.0)
    package41253 (1.0.0)
    package41254 (1.0.0)
    package41255 (1.0.0)
    package41256 (1.0.0)
    package41257 (1.0.0)
    package41258 (1.0.0)
    package41259 (1.0.0)
    package41260 (1.0.0)
    package41261 (1.0.0)
    package41262 (1.0.0)
    package41263 (1.0.0)
    package41264 (1.0.0)
    package41265 (1.0.0)
    package41266 (1.0.0)
    package41267 (1.0.0)
    package41268 (1.0.0)
    package41269 (1.0.0)
    package41270 (1.0.0)
    package41271 (1.0.0)
    package41272 (1.0.0)
    package41273 (1.0.0)
    package41274 (1.0.0)
    package41275 (1.0.0)
    package41276 (1.0.0)
    package41277 (1.0.0)
    package41278 (1.0.0)
    package41279 (1.0.0)
    package41280 (1.0.0)
    package41281 (1.0.0)
    package41282 (1.0.0)
    package41283 (1.0.0)
    package41284 (1.0.0)
    package41285 (1.0.0)
    package41286 (1.0.0)
    package41287 (1.0.0)
    package41288 (1.0.0)
    package41289 (1.0.0)
    package41290 (1.0.0)
    package41291 (1.0.0)
    package41292 (1.0.0)
    package41293 (1.0.0)
    package41294 (1.0.0)
    package41295 (1.0.0)
    package41296 (1.0.0)
    package41297 (1.0.0)
    package41298 (1.0.0)
    package41299 (1.0.0)
    package41300 (1.0.0)
    package41301 (1.0.0)
    package41302 (1.0.0)
    package41303 (1.0.0)
    package41304 (1.0.0)
    package41305 (1.0.0)
    package41306 (1.0.0)
    package41307 (1.0.0)
    package41308 (1.0.0)
    package41309 (1.0.0)
    package41310 (1.0.0)
    package41311 (1.0.0)
    package41312 (1.0.0)
    package41313 (1.0.0)
    package41314 (1.0.0)
    package41315 (1.0.0)
    package41316 (1.0.0)
    package41317 (1.0.0)
    package41318 (1.0.0)
    package41319 (1.0.0)
    package41320 (1.0.0)
    package41321 (1.0.0)
    package41322 (1.0.0)
    package41323 (1.0.0)
    package41324 (1.0.0)
    package41325 (1.0.0)
    package41326 (1.0.0)
    package41327 (1.0.0)
    package41328 (1.0.0)
    package41329 (1.0.0)
    package41330 (1.0.0)
    package41331 (1.0.0)
    package41332 (1.0.0)
    package41333 (1.0.0)
    package41334 (1.0.0)
    package41335 (1.0.0)
    package41336 (1.0.0)
    package41337 (1.0.0)
    package41338 (1.0.0)
    package41339 (1.0.0)
    package41340 (1.0.0)
    package41341 (1.0.0)
    package41342 (1.0.0)
    package41343 (1.0.0)
    package41344 (1.0.0)
    package41345 (1.0.0)
    package41346 (1.0.0)
    package41347 (1.0.0)
    package41348 (1.0.0)
    package41349 (1.0.0)
    package41350 (1.0.0)
    package41351 (1.0.0)
    package41352 (1.0.0)
    package41353 (1.0.0)
    package41354 (1.0.0)
    package41355 (1.0.0)
    package41356 (1.0.0)
    package41357 (1.0.0)
    package41358 (1.0.0)
    package41359 (1.0.0)
    package41360 (1.0.0)
    package41361 (1.0.0)
    package41362 (1.0.0)
    package41363 (1.0.0)
    package41364 (1.0.0)
    package41365 (1.0.0)
    package41366 (1.0.0)
    package41367 (1.0.0)
    package41368 (1.0.0)
    package41369 (1.0.0)
    package41370 (1.0.0)
    package41371 (1.0.0)
    package41372 (1.0.0)
    package41373 (1.0.0)
    package41374 (1.0.0)
    package41375 (1.0.0)
    package41376 (1.0.0)
    package41377 (1.0.0)
    package41378 (1.0.0)
    package41379 (1.0.0)
    package41380 (1.0.0)
    package41381 (1.0.0)
    package41382 (1.0.0)
    package41383 (1.0.0)
    package41384 (1.0.0)
    package41385 (1.0.0)
    package41386 (1.0.0)
    package41387 (1.0.0)
    package41388 (1.0.0)
    package41389 (1.0.0)
    package41390 (1.0.0)
    package41391 (1.0.0)
    package41392 (1.0.0)
    package41393 (1.0.0)
    package41394 (1.0.0)
    package41395 (1.0.0)
    package41396 (1.0.0)
    package41397 (1.0.0)
    package41398 (1.0.0)
    package41399 (1.0.0)
    package41400 (1.0.0)
    package41401 (1.0.0)
    package41402 (1.0.0)
    package41403 (1.0.0)
    package41404 (1.0.0)
    package41405 (1.0.0)
    package41406 (1.0.0)
    package41407 (1.0.0)
    package41408 (1.0.0)
    package41409 (1.0.0)
    package41410 (1.0.0)
    package41411 (1.0.0)
    package41412 (1.0.0)
    package41413 (1.0.0)
    package41414 (1.0.0)
    package41415 (1.0.0)
    package41416 (1.0.0)
    package41417 (1.0.0)
    package41418 (1.0.0)
    package41419 (1.0.0)
    package41420 (1.0.0)
    package41421 (1.0.0)
    package41422 (1.0.0)
    package41423 (1.0.0)
    package41424 (1.0.0)
    package41425 (1.0.0)
    package41426 (1.0.0)
    package41427 (1.0.0)
    package41428 (1.0.0)
    package41429 (1.0.0)
    package41430 (1.0.0)
    package41431 (1.0.0)
    package41432 (1.0.0)
    package41433 (1.0.0)
    package41434 (1.0.0)
    package41435 (1.0.0)
    package41436 (1.0.0)
    package41437 (1.0.0)
    package41438 (1.0.0)
    package41439 (1.0.0)
    package41440 (1.0.0)
    package41441 (1.0.0)
    package41442 (1.0.0)
    package41443 (1.0.0)
    package41444 (1.0.0)
    package41445 (1.0.0)
    package41446 (1.0.0)
    package41447 (1.0.0)
    package41448 (1.0.0)
    package41449 (1.0.0)
    package41450 (1.0.0)
    package41451 (1.0.0)
    package41452 (1.0.0)
    package41453 (1.0.0)
    package41454 (1.0.0)
    package41455 (1.0.0)
    package41456 (1.0.0)
    package41457 (1.0.0)
    package41458 (1.0.0)
    package41459 (1.0.0)
    package41460 (1.0.0)
    package41461 (1.0.0)
    package41462 (1.0.0)
    package41463 (1.0.0)
    package41464 (1.0.0)
    package41465 (1.0.0)
    package41466 (1.0.0)
    package41467 (1.0.0)
    package41468 (1.0.0)
    package41469 (1.0.0)
    package41470 (1.0.0)
    package41471 (1.0.0)
    package41472 (1.0.0)
    package41473 (1.0.0)
    package41474 (1.0.0)
    package41475 (1.0.0)
    package41476 (1.0.0)
    package41477 (1.0.0)
    package41478 (1.0.0)
    package41479 (1.0.0)
    package41480 (1.0.0)
    package41481 (1.0.0)
    package41482 (1.0.0)
    package41483 (1.0.0)
    package41484 (1.0.0)
    package41485 (1.0.0)
    package41486 (1.0.0)
    package41487 (1.0.0)
    package41488 (1.0.0)
    package41489 (1.0.0)
    package41490 (1.0.0)
    package41491 (1.0.0)
    package41492 (1.0.0)
    package41493 (1.0.0)
    package41494 (1.0.0)
    package41495 (1.0.0)
    package41496 (1.0.0)
    package41497 (1.0.0)
    package41498 (1.0.0)
    package41499 (1.0.0)
    package41500 (1.0.0)
    package41501 (1.0.0)
    package41502 (1.0.0)
    package41503 (1.0.0)
    package41504 (1.0.0)
    package41505 (1.0.0)
    package41506 (1.0.0)
    package41507 (1.0.0)
    package41508 (1.0.0)
    package41509 (1.0.0)
    package41510 (1.0.0)
    package41511 (1.0.0)
    package41512 (1.0.0)
    package41513 (1.0.0)
    package41514 (1.0.0)
    package41515 (1.0.0)
    package41516 (1.0.0)
    package41517 (1.0.0)
    package41518 (1.0.0)
    package41519 (1.0.0)
    package41520 (1.0.0)
    package41521 (1.0.0)
    package41522 (1.0.0)
    package41523 (1.0.0)
    package41524 (1.0.0)
    package41525 (1.0.0)
    package41526 (1.0.0)
    package41527 (1.0.0)
    package41528 (1.0.0)
    package41529 (1.0.0)
    package41530 (1.0.0)
    package41531 (1.0.0)
    package41532 (1.0.0)
    package41533 (1.0.0)
    package41534 (1.0.0)
    package41535 (1.0.0)
    package41536 (1.0.0)
    package41537 (1.0.0)
    package41538 (1.0.0)
    package41539 (1.0.0)
    package41540 (1.0.0)
    package41541 (1.0.0)
    package41542 (1.0.0)
    package41543 (1.0.0)
    package41544 (1.0.0)
    package41545 (1.0.0)
    package41546 (1.0.0)
    package41547 (1.0.0)
    package41548 (1.0.0)
    package41549 (1.0.0)
    package41550 (1.0.0)
    package41551 (1.0.0)
    package41552 (1.0.0)
    package41553 (1.0.0)
    package41554 (1.0.0)
    package41555 (1.0.0)
    package41556 (1.0.0)
    package41557 (1.0.0)
    package41558 (1.0.0)
    package41559 (1.0.0)
    package41560 (1.0.0)
    package41561 (1.0.0)
    package41562 (1.0.0)
    package41563 (1.0.0)
    package41564 (1.0.0)
    package41565 (1.0.0)
    package41566 (1.0.0)
    package41567 (1.0.0)
    package41568 (1.0.0)
    package41569 (1.0.0)
    package41570 (1.0.0)
    package41571 (1.0.0)
    package41572 (1.0.0)
    package41573 (1.0.0)
    package41574 (1.0.0)
    package41575 (1.0.0)
    package41576 (1.0.0)
    package41577 (1.0.0)
    package41578 (1.0.0)
    package41579 (1.0.0)
    package41580 (1.0.0)
    package41581 (1.0.0)
    package41582 (1.0.0)
    package41583 (1.0.0)
    package41584 (1.0.0)
    package41585 (1.0.0)
    package41586 (1.0.0)
    package41587 (1.0.0)
    package41588 (1.0.0)
    package41589 (1.0.0)
    package41590 (1.0.0)
    package41591 (1.0.0)
    package41592 (1.0.0)
    package41593 (1.0.0)
    package41594 (1.0.0)
    package41595 (1.0.0)
    package41596 (1.0.0)
    package41597 (1.0.0)
    package41598 (1.0.0)
    package41599 (1.0.0)
    package41600 (1.0.0)
    package41601 (1.0.0)
    package41602 (1.0.0)
    package41603 (1.0.0)
    package41604 (1.0.0)
    package41605 (1.0.0)
    package41606 (1.0.0)
    package41607 (1.0.0)
    package41608 (1.0.0)
    package41609 (1.0.0)
    package41610 (1.0.0)
    package41611 (1.0.0)
    package41612 (1.0.0)
    package41613 (1.0.0)
    package41614 (1.0.0)
    package41615 (1.0.0)
    package41616 (1.0.0)
    package41617 (1.0.0)
    package41618 (1.0.0)
    package41619 (1.0.0)
    package41620 (1.0.0)
    package41621 (1.0.0)
    package41622 (1.0.0)
    package41623 (1.0.0)
    package41624 (1.0.0)
    package41625 (1.0.0)
    package41626 (1.0.0)
    package41627 (1.0.0)
    package41628 (1.0.0)
    package41629 (1.0.0)
    package41630 (1.0.0)
    package41631 (1.0.0)
    package41632 (1.0.0)
    package41633 (1.0.0)
    package41634 (1.0.0)
    package41635 (1.0.0)
    package41636 (1.0.0)
    package41637 (1.0.0)
    package41638 (1.0.0)
    package41639 (1.0.0)
    package41640 (1.0.0)
    package41641 (1.0.0)
    package41642 (1.0.0)
    package41643 (1.0.0)
    package41644 (1.0.0)
    package41645 (1.0.0)
    package41646 (1.0.0)
    package41647 (1.0.0)
    package41648 (1.0.0)
    package41649 (1.0.0)
    package41650 (1.0.0)
    package41651 (1.0.0)
    package41652 (1.0.0)
    package41653 (1.0.0)
    package41654 (1.0.0)
    package41655 (1.0.0)
    package41656 (1.0.0)
    package41657 (1.0.0)
    package41658 (1.0.0)
    package41659 (1.0.0)
    package41660 (1.0.0)
    package41661 (1.0.0)
    package41662 (1.0.0)
    package41663 (1.0.0)
    package41664 (1.0.0)
    package41665 (1.0.0)
    package41666 (1.0.0)
    package41667 (1.0.0)
    package41668 (1.0.0)
    package41669 (1.0.0)
    package41670 (1.0.0)
    package41671 (1.0.0)
    package41672 (1.0.0)
    package41673 (1.0.0)
    package41674 (1.0.0)
    package41675 (1.0.0)
    package41676 (1.0.0)
    package41677 (1.0.0)
    package41678 (1.0.0)
    package41679 (1.0.0)
    package41680 (1.0.0)
    package41681 (1.0.0)
    package41682 (1.0.0)
    package41683 (1.0.0)
    package41684 (1.0.0)
    package41685 (1.0.0)
    package41686 (1.0.0)
    package41687 (1.0.0)
    package41688 (1.0.0)
    package41689 (1.0.0)
    package41690 (1.0.0)
    package41691 (1.0.0)
    package41692 (1.0.0)
    package41693 (1.0.0)
    package41694 (1.0.0)
    package41695 (1.0.0)
    package41696 (1.0.0)
    package41697 (1.0.0)
    package41698 (1.0.0)
    package41699 (1.0.0)
    package41700 (1.0.0)
    package41701 (1.0.0)
    package41702 (1.0.0)
    package41703 (1.0.0)
    package41704 (1.0.0)
    package41705 (1.0.0)
    package41706 (1.0.0)
    package41707 (1.0.0)
    package41708 (1.0.0)
    package41709 (1.0.0)
    package41710 (1.0.0)
    package41711 (1.0.0)
    package41712 (1.0.0)
    package41713 (1.0.0)
    package41714 (1.0.0)
    package41715 (1.0.0)
    package41716 (1.0.0)
    package41717 (1.0.0)
    package41718 (1.0.0)
    package41719 (1.0.0)
    package41720 (1.0.0)
    package41721 (1.0.0)
    package41722 (1.0.0)
    package41723 (1.0.0)
    package41724 (1.0.0)
    package41725 (1.0.0)
    package41726 (1.0.0)
    package41727 (1.0.0)
    package41728 (1.0.0)
    package41729 (1.0.0)
    package41730 (1.0.0)
    package41731 (1.0.0)
    package41732 (1.0.0)
    package41733 (1.0.0)
    package41734 (1.0.0)
    package41735 (1.0.0)
    package41736 (1.0.0)
    package41737 (1.0.0)
    package41738 (1.0.0)
    package41739 (1.0.0)
    package41740 (1.0.0)
    package41741 (1.0.0)
    package41742 (1.0.0)
    package41743 (1.0.0)
    package41744 (1.0.0)
    package41745 (1.0.0)
    package41746 (1.0.0)
    package41747 (1.0.0)
    package41748 (1.0.0)
    package41749 (1.0.0)
    package41750 (1.0.0)
    package41751 (1.0.0)
    package41752 (1.0.0)
    package41753 (1.0.0)
    package41754 (1.0.0)
    package41755 (1.0.0)
    package41756 (1.0.0)
    package41757 (1.0.0)
    package41758 (1.0.0)
    package41759 (1.0.0)
    package41760 (1.0.0)
    package41761 (1.0.0)
    package41762 (1.0.0)
    package41763 (1.0.0)
    package41764 (1.0.0)
    package41765 (1.0.0)
    package41766 (1.0.0)
    package41767 (1.0.0)
    package41768 (1.0.0)
    package41769 (1.0.0)
    package41770 (1.0.0)
    package41771 (1.0.0)
    package41772 (1.0.0)
    package41773 (1.0.0)
    package41774 (1.0.0)
    package41775 (1.0.0)
    package41776 (1.0.0)
    package41777 (1.0.0)
    package41778 (1.0.0)
    package41779 (1.0.0)
    package41780 (1.0.0)
    package41781 (1.0.0)
    package41782 (1.0.0)
    package41783 (1.0.0)
    package41784 (1.0.0)
    package41785 (1.0.0)
    package41786 (1.0.0)
    package41787 (1.0.0)
    package41788 (1.0.0)
    package41789 (1.0.0)
    package41790 (1.0.0)
    package41791 (1.0.0)
    package41792 (1.0.0)
    package41793 (1.0.0)
    package41794 (1.0.0)
    package41795 (1.0.0)
    package41796 (1.0.0)
    package41797 (1.0.0)
    package41798 (1.0.0)
    package41799 (1.0.0)
    package41800 (1.0.0)
    package41801 (1.0.0)
    package41802 (1.0.0)
    package41803 (1.0.0)
    package41804 (1.0.0)
    package41805 (1.0.0)
    package41806 (1.0.0)
    package41807 (1.0.0)
    package41808 (1.0.0)
    package41809 (1.0.0)
    package41810 (1.0.0)
    package41811 (1.0.0)
    package41812 (1.0.0)
    package41813 (1.0.0)
    package41814 (1.0.0)
    package41815 (1.0.0)
    package41816 (1.0.0)
    package41817 (1.0.0)
    package41818 (1.0.0)
    package41819 (1.0.0)
    package41820 (1.0.0)
    package41821 (1.0.0)
    package41822 (1.0.0)
    package41823 (1.0.0)
    package41824 (1.0.0)
    package41825 (1.0.0)
    package41826 (1.0.0)
    package41827 (1.0.0)
    package41828 (1.0.0)
    package41829 (1.0.0)
    package41830 (1.0.0)
    package41831 (1.0.0)
    package41832 (1.0.0)
    package41833 (1.0.0)
    package41834 (1.0.0)
    package41835 (1.0.0)
    package41836 (1.0.0)
    package41837 (1.0.0)
    package41838 (1.0.0)
    package41839 (1.0.0)
    package41840 (1.0.0)
    package41841 (1.0.0)
    package41842 (1.0.0)
    package41843 (1.0.0)
    package41844 (1.0.0)
    package41845 (1.0.0)
    package41846 (1.0.0)
    package41847 (1.0.0)
    package41848 (1.0.0)
    package41849 (1.0.0)
    package41850 (1.0.0)
    package41851 (1.0.0)
    package41852 (1.0.0)
    package41853 (1.0.0)
    package41854 (1.0.0)
    package41855 (1.0.0)
    package41856 (1.0.0)
    package41857 (1.0.0)
    package41858 (1.0.0)
    package41859 (1.0.0)
    package41860 (1.0.0)
    package41861 (1.0.0)
    package41862 (1.0.0)
    package41863 (1.0.0)
    package41864 (1.0.0)
    package41865 (1.0.0)
    package41866 (1.0.0)
    package41867 (1.0.0)
    package41868 (1.0.0)
    package41869 (1.0.0)
    package41870 (1.0.0)
    package41871 (1.0.0)
    package41872 (1.0.0)
    package41873 (1.0.0)
    package41874 (1.0.0)
    package41875 (1.0.0)
    package41876 (1.0.0)
    package41877 (1.0.0)
    package41878 (1.0.0)
    package41879 (1.0.0)
    package41880 (1.0.0)
    package41881 (1.0.0)
    package41882 (1.0.0)
    package41883 (1.0.0)
    package41884 (1.0.0)
    package41885 (1.0.0)
    package41886 (1.0.0)
    package41887 (1.0.0)
    package41888 (1.0.0)
    package41889 (1.0.0)
    package41890 (1.0.0)
    package41891 (1.0.0)
    package41892 (1.0.0)
    package41893 (1.0.0)
    package41894 (1.0.0)
    package41895 (1.0.0)
    package41896 (1.0.0)
    package41897 (1.0.0)
    package41898 (1.0.0)
    package41899 (1.0.0)
    package41900 (1.0.0)
    package41901 (1.0.0)
    package41902 (1.0.0)
    package41903 (1.0.0)
    package41904 (1.0.0)
    package41905 (1.0.0)
    package41906 (1.0.0)
    package41907 (1.0.0)
    package41908 (1.0.0)
    package41909 (1.0.0)
    package41910 (1.0.0)
    package41911 (1.0.0)
    package41912 (1.0.0)
    package41913 (1.0.0)
    package41914 (1.0.0)
    package41915 (1.0.0)
    package41916 (1.0.0)
    package41917 (1.0.0)
    package41918 (1.0.0)
    package41919 (1.0.0)
    package41920 (1.0.0)
    package41921 (1.0.0)
    package41922 (1.0.0)
    package41923 (1.0.0)
    package41924 (1.0.0)
    package41925 (1.0.0)
    package41926 (1.0.0)
    package41927 (1.0.0)
    package41928 (1.0.0)
    package41929 (1.0.0)
    package41930 (1.0.0)
    package41931 (1.0.0)
    package41932 (1.0.0)
    package41933 (1.0.0)
    package41934 (1.0.0)
    package41935 (1.0.0)
    package41936 (1.0.0)
    package41937 (1.0.0)
    package41938 (1.0.0)
    package41939 (1.0.0)
    package41940 (1.0.0)
    package41941 (1.0.0)
    package41942 (1.0.0)
    package41943 (1.0.0)
    package41944 (1.0.0)
    package41945 (1.0.0)
    package41946 (1.0.0)
    package41947 (1.0.0)
    package41948 (1.0.0)
    package41949 (1.0.0)
    package41950 (1.0.0)
    package41951 (1.0.0)
    package41952 (1.0.0)
    package41953 (1.0.0)
    package41954 (1.0.0)
    package41955 (1.0.0)
    package41956 (1.0.0)
    package41957 (1.0.0)
    package41958 (1.0.0)
    package41959 (1.0.0)
    package41960 (1.0.0)
    package41961 (1.0.0)
    package41962 (1.0.0)
    package41963 (1.0.0)
    package41964 (1.0.0)
    package41965 (1.0.0)
    package41966 (1.0.0)
    package41967 (1.0.0)
    package41968 (1.0.0)
    package41969 (1.0.0)
    package41970 (1.0.0)
    package41971 (1.0.0)
    package41972 (1.0.0)
    package41973 (1.0.0)
    package41974 (1.0.0)
    package41975 (1.0.0)
    package41976 (1.0.0)
    package41977 (1.0.0)
    package41978 (1.0.0)
    package41979 (1.0.0)
    package41980 (1.0.0)
    package41981 (1.0.0)
    package41982 (1.0.0)
    package41983 (1.0.0)
    package41984 (1.0.0)
    package41985 (1.0.0)
    package41986 (1.0.0)
    package41987 (1.0.0)
    package41988 (1.0.0)
    package41989 (1.0.0)
    package41990 (1.0.0)
    package41991 (1.0.0)
    package41992 (1.0.0)
    package41993 (1.0.0)
    package41994 (1.0.0)
    package41995 (1.0.0)
    package41996 (1.0.0)
    package41997 (1.0.0)
    package41998 (1.0.0)
    package41999 (1.0.0)
    package42000 (1.0.0)
    package42001 (1.0.0)
    package42002 (1.0.0)
    package42003 (1.0.0)
    package42004 (1.0.0)
    package42005 (1.0.0)
    package42006 (1.0.0)
    package42007 (1.0.0)
    package42008 (1.0.0)
    package42009 (1.0.0)
    package42010 (1.0.0)
    package42011 (1.0.0)
    package42012 (1.0.0)
    package42013 (1.0.0)
    package42014 (1.0.0)
    package42015 (1.0.0)
    package42016 (1.0.0)
    package42017 (1.0.0)
    package42018 (1.0.0)
    package42019 (1.0.0)
    package42020 (1.0.0)
    package42021 (1.0.0)
    package42022 (1.0.0)
    package42023 (1.0.0)
    package42024 (1.0.0)
    package42025 (1.0.0)
    package42026 (1.0.0)
    package42027 (1.0.0)
    package42028 (1.0.0)
    package42029 (1.0.0)
    package42030 (1.0.0)
    package42031 (1.0.0)
    package42032 (1.0.0)
    package42033 (1.0.0)
    package42034 (1.0.0)
    package42035 (1.0.0)
    package42036 (1.0.0)
    package42037 (1.0.0)
    package42038 (1.0.0)
    package42039 (1.0.0)
    package42040 (1.0.0)
    package42041 (1.0.0)
    package42042 (1.0.0)
    package42043 (1.0.0)
    package42044 (1.0.0)
    package42045 (1.0.0)
    package42046 (1.0.0)
    package42047 (1.0.0)
    package42048 (1.0.0)
    package42049 (1.0.0)
    package42050 (1.0.0)
    package42051 (1.0.0)
    package42052 (1.0.0)
    package42053 (1.0.0)
    package42054 (1.0.0)
    package42055 (1.0.0)
    package42056 (1.0.0)
    package42057 (1.0.0)
    package42058 (1.0.0)
    package42059 (1.0.0)
    package42060 (1.0.0)
    package42061 (1.0.0)
    package42062 (1.0.0)
    package42063 (1.0.0)
    package42064 (1.0.0)
    package42065 (1.0.0)
    package42066 (1.0.0)
    package42067 (1.0.0)
    package42068 (1.0.0)
    package42069 (1.0.0)
    package42070 (1.0.0)
    package42071 (1.0.0)
    package42072 (1.0.0)
    package42073 (1.0.0)
    package42074 (1.0.0)
    package42075 (1.0.0)
    package42076 (1.0.0)
    package42077 (1.0.0)
    package42078 (1.0.0)
    package42079 (1.0.0)
    package42080 (1.0.0)
    package42081 (1.0.0)
    package42082 (1.0.0)
    package42083 (1.0.0)
    package42084 (1.0.0)
    package42085 (1.0.0)
    package42086 (1.0.0)
    package42087 (1.0.0)
    package42088 (1.0.0)
    package42089 (1.0.0)
    package42090 (1.0.0)
    package42091 (1.0.0)
    package42092 (1.0.0)
    package42093 (1.0.0)
    package42094 (1.0.0)
    package42095 (1.0.0)
    package42096 (1.0.0)
    package42097 (1.0.0)
    package42098 (1.0.0)
    package42099 (1.0.0)
    package42100 (1.0.0)
    package42101 (1.0.0)
    package42102 (1.0.0)
    package42103 (1.0.0)
    package42104 (1.0.0)
    package42105 (1.0.0)
    package42106 (1.0.0)
    package42107 (1.0.0)
    package42108 (1.0.0)
    package42109 (1.0.0)
    package42110 (1.0.0)
    package42111 (1.0.0)
    package42112 (1.0.0)
    package42113 (1.0.0)
    package42114 (1.0.0)
    package42115 (1.0.0)
    package42116 (1.0.0)
    package42117 (1.0.0)
    package42118 (1.0.0)
    package42119 (1.0.0)
    package42120 (1.0.0)
    package42121 (1.0.0)
    package42122 (1.0.0)
    package42123 (1.0.0)
    package42124 (1.0.0)
    package42125 (1.0.0)
    package42126 (1.0.0)
    package42127 (1.0.0)
    package42128 (1.0.0)
    package42129 (1.0.0)
    package42130 (1.0.0)
    package42131 (1.0.0)
    package42132 (1.0.0)
    package42133 (1.0.0)
    package42134 (1.0.0)
    package42135 (1.0.0)
    package42136 (1.0.0)
    package42137 (1.0.0)
    package42138 (1.0.0)
    package42139 (1.0.0)
    package42140 (1.0.0)
    package42141 (1.0.0)
    package42142 (1.0.0)
    package42143 (1.0.0)
    package42144 (1.0.0)
    package42145 (1.0.0)
    package42146 (1.0.0)
    package42147 (1.0.0)
    package42148 (1.0.0)
    package42149 (1.0.0)
    package42150 (1.0.0)
    package42151 (1.0.0)
    package42152 (1.0.0)
    package42153 (1.0.0)
    package42154 (1.0.0)
    package42155 (1.0.0)
    package42156 (1.0.0)
    package42157 (1.0.0)
    package42158 (1.0.0)
    package42159 (1.0.0)
    package42160 (1.0.0)
    package42161 (1.0.0)
    package42162 (1.0.0)
    package42163 (1.0.0)
    package42164 (1.0.0)
    package42165 (1.0.0)
    package42166 (1.0.0)
    package42167 (1.0.0)
    package42168 (1.0.0)
    package42169 (1.0.0)
    package42170 (1.0.0)
    package42171 (1.0.0)
    package42172 (1.0.0)
    package42173 (1.0.0)
    package42174 (1.0.0)
    package42175 (1.0.0)
    package42176 (1.0.0)
    package42177 (1.0.0)
    package42178 (1.0.0)
    package42179 (1.0.0)
    package42180 (1.0.0)
    package42181 (1.0.0)
    package42182 (1.0.0)
    package42183 (1.0.0)
    package42184 (1.0.0)
    package42185 (1.0.0)
    package42186 (1.0.0)
    package42187 (1.0.0)
    package42188 (1.0.0)
    package42189 (1.0.0)
    package42190 (1.0.0)
    package42191 (1.0.0)
    package42192 (1.0.0)
    package42193 (1.0.0)
    package42194 (1.0.0)
    package42195 (1.0.0)
    package42196 (1.0.0)
    package42197 (1.0.0)
    package42198 (1.0.0)
    package42199 (1.0.0)
    package42200 (1.0.0)
    package42201 (1.0.0)
    package42202 (1.0.0)
    package42203 (1.0.0)
    package42204 (1.0.0)
    package42205 (1.0.0)
    package42206 (1.0.0)
    package42207 (1.0.0)
    package42208 (1.0.0)
    package42209 (1.0.0)
    package42210 (1.0.0)
    package42211 (1.0.0)
    package42212 (1.0.0)
    package42213 (1.0.0)
    package42214 (1.0.0)
    package42215 (1.0.0)
    package42216 (1.0.0)
    package42217 (1.0.0)
    package42218 (1.0.0)
    package42219 (1.0.0)
    package42220 (1.0.0)
    package42221 (1.0.0)
    package42222 (1.0.0)
    package42223 (1.0.0)
    package42224 (1.0.0)
    package42225 (1.0.0)
    package42226 (1.0.0)
    package42227 (1.0.0)
    package42228 (1.0.0)
    package42229 (1.0.0)
    package42230 (1.0.0)
    package42231 (1.0.0)
    package42232 (1.0.0)
    package42233 (1.0.0)
    package42234 (1.0.0)
    package42235 (1.0.0)
    package42236 (1.0.0)
    package42237 (1.0.0)
    package42238 (1.0.0)
    package42239 (1.0.0)
    package42240 (1.0.0)
    package42241 (1.0.0)
    package42242 (1.0.0)
    package42243 (1.0.0)
    package42244 (1.0.0)
    package42245 (1.0.0)
    package42246 (1.0.0)
    package42247 (1.0.0)
    package42248 (1.0.0)
    package42249 (1.0.0)
    package42250 (1.0.0)
    package42251 (1.0.0)
    package42252 (1.0.0)
    package42253 (1.0.0)
    package42254 (1.0.0)
    package42255 (1.0.0)
    package42256 (1.0.0)
    package42257 (1.0.0)
    package42258 (1.0.0)
    package42259 (1.0.0)
    package42260 (1.0.0)
    package42261 (1.0.0)
    package42262 (1.0.0)
    package42263 (1.0.0)
    package42264 (1.0.0)
    package42265 (1.0.0)
    package42266 (1.0.0)
    package42267 (1.0.0)
    package42268 (1.0.0)
    package42269 (1.0.0)
    package42270 (1.0.0)
    package42271 (1.0.0)
    package42272 (1.0.0)
    package42273 (1.0.0)
    package42274 (1.0.0)
    package42275 (1.0.0)
    package42276 (1.0.0)
    package42277 (1.0.0)
    package42278 (1.0.0)
    package42279 (1.0.0)
    package42280 (1.0.0)
    package42281 (1.0.0)
    package42282 (1.0.0)
    package42283 (1.0.0)
    package42284 (1.0.0)
    package42285 (1.0.0)
    package42286 (1.0.0)
    package42287 (1.0.0)
    package42288 (1.0.0)
    package42289 (1.0.0)
    package42290 (1.0.0)
    package42291 (1.0.0)
    package42292 (1.0.0)
    package42293 (1.0.0)
    package42294 (1.0.0)
    package42295 (1.0.0)
    package42296 (1.0.0)
    package42297 (1.0.0)
    package42298 (1.0.0)
    package42299 (1.0.0)
    package42300 (1.0.0)
    package42301 (1.0.0)
    package42302 (1.0.0)
    package42303 (1.0.0)
    package42304 (1.0.0)
    package42305 (1.0.0)
    package42306 (1.0.0)
    package42307 (1.0.0)
    package42308 (1.0.0)
    package42309 (1.0.0)
    package42310 (1.0.0)
    package42311 (1.0.0)
    package42312 (1.0.0)
    package42313 (1.0.0)
    package42314 (1.0.0)
    package42315 (1.0.0)
    package42316 (1.0.0)
    package42317 (1.0.0)
    package42318 (1.0.0)
    package42319 (1.0.0)
    package42320 (1.0.0)
    package42321 (1.0.0)
    package42322 (1.0.0)
    package42323 (1.0.0)
    package42324 (1.0.0)
    package42325 (1.0.0)
    package42326 (1.0.0)
    package42327 (1.0.0)
    package42328 (1.0.0)
    package42329 (1.0.0)
    package42330 (1.0.0)
    package42331 (1.0.0)
    package42332 (1.0.0)
    package42333 (1.0.0)
    package42334 (1.0.0)
    package42335 (1.0.0)
    package42336 (1.0.0)
    package42337 (1.0.0)
    package42338 (1.0.0)
    package42339 (1.0.0)
    package42340 (1.0.0)
    package42341 (1.0.0)
    package42342 (1.0.0)
    package42343 (1.0.0)
    package42344 (1.0.0)
    package42345 (1.0.0)
    package42346 (1.0.0)
    package42347 (1.0.0)
    package42348 (1.0.0)
    package42349 (1.0.0)
    package42350 (1.0.0)
    package42351 (1.0.0)
    package42352 (1.0.0)
    package42353 (1.0.0)
    package42354 (1.0.0)
    package42355 (1.0.0)
    package42356 (1.0.0)
    package42357 (1.0.0)
    package42358 (1.0.0)
    package42359 (1.0.0)
    package42360 (1.0.0)
    package42361 (1.0.0)
    package42362 (1.0.0)
    package42363 (1.0.0)
    package42364 (1.0.0)
    package42365 (1.0.0)
    package42366 (1.0.0)
    package42367 (1.0.0)
    package42368 (1.0.0)
    package42369 (1.0.0)
    package42370 (1.0.0)
    package42371 (1.0.0)
    package42372 (1.0.0)
    package42373 (1.0.0)
    package42374 (1.0.0)
    package42375 (1.0.0)
    package42376 (1.0.0)
    package42377 (1.0.0)
    package42378 (1.0.0)
    package42379 (1.0.0)
    package42380 (1.0.0)
    package42381 (1.0.0)
    package42382 (1.0.0)
    package42383 (1.0.0)
    package42384 (1.0.0)
    package42385 (1.0.0)
    package42386 (1.0.0)
    package42387 (1.0.0)
    package42388 (1.0.0)
    package42389 (1.0.0)
    package42390 (1.0.0)
    package42391 (1.0.0)
    package42392 (1.0.0)
    package42393 (1.0.0)
    package42394 (1.0.0)
    package42395 (1.0.0)
    package42396 (1.0.0)
    package42397 (1.0.0)
    package42398 (1.0.0)
    package42399 (1.0.0)
    package42400 (1.0.0)
    package42401 (1.0.0)
    package42402 (1.0.0)
    package42403 (1.0.0)
    package42404 (1.0.0)
    package42405 (1.0.0)
    package42406 (1.0.0)
    package42407 (1.0.0)
    package42408 (1.0.0)
    package42409 (1.0.0)
    package42410 (1.0.0)
    package42411 (1.0.0)
    package42412 (1.0.0)
    package42413 (1.0.0)
    package42414 (1.0.0)
    package42415 (1.0.0)
    package42416 (1.0.0)
    package42417 (1.0.0)
    package42418 (1.0.0)
    package42419 (1.0.0)
    package42420 (1.0.0)
    package42421 (1.0.0)
    package42422 (1.0.0)
    package42423 (1.0.0)
    package42424 (1.0.0)
    package42425 (1.0.0)
    package42426 (1.0.0)
    package42427 (1.0.0)
    package42428 (1.0.0)
    package42429 (1.0.0)
    package42430 (1.0.0)
    package42431 (1.0.0)
    package42432 (1.0.0)
    package42433 (1.0.0)
    package42434 (1.0.0)
    package42435 (1.0.0)
    package42436 (1.0.0)
    package42437 (1.0.0)
    package42438 (1.0.0)
    package42439 (1.0.0)
    package42440 (1.0.0)
    package42441 (1.0.0)
    package42442 (1.0.0)
    package42443 (1.0.0)
    package42444 (1.0.0)
    package42445 (1.0.0)
    package42446 (1.0.0)
    package42447 (1.0.0)
    package42448 (1.0.0)
    package42449 (1.0.0)
    package42450 (1.0.0)
    package42451 (1.0.0)
    package42452 (1.0.0)
    package42453 (1.0.0)
    package42454 (1.0.0)
    package42455 (1.0.0)
    package42456 (1.0.0)
    package42457 (1.0.0)
    package42458 (1.0.0)
    package42459 (1.0.0)
    package42460 (1.0.0)
    package42461 (1.0.0)
    package42462 (1.0.0)
    package42463 (1.0.0)
    package42464 (1.0.0)
    package42465 (1.0.0)
    package42466 (1.0.0)
    package42467 (1.0.0)
    package42468 (1.0.0)
    package42469 (1.0.0)
    package42470 (1.0.0)
    package42471 (1.0.0)
    package42472 (1.0.0)
    package42473 (1.0.0)
    package42474 (1.0.0)
    package42475 (1.0.0)
    package42476 (1.0.0)
    package42477 (1.0.0)
    package42478 (1.0.0)
    package42479 (1.0.0)
    package42480 (1.0.0)
    package42481 (1.0.0)
    package42482 (1.0.0)
    package42483 (1.0.0)
    package42484 (1.0.0)
    package42485 (1.0.0)
    package42486 (1.0.0)
    package42487 (1.0.0)
    package42488 (1.0.0)
    package42489 (1.0.0)
    package42490 (1.0.0)
    package42491 (1.0.0)
    package42492 (1.0.0)
    package42493 (1.0.0)
    package42494 (1.0.0)
    package42495 (1.0.0)
    package42496 (1.0.0)
    package42497 (1.0.0)
    package42498 (1.0.0)
    package42499 (1.0.0)
    package42500 (1.0.0)
    package42501 (1.0.0)
    package42502 (1.0.0)
    package42503 (1.0.0)
    package42504 (1.0.0)
    package42505 (1.0.0)
    package42506 (1.0.0)
    package42507 (1.0.0)
    package42508 (1.0.0)
    package42509 (1.0.0)
    package42510 (1.0.0)
    package42511 (1.0.0)
    package42512 (1.0.0)
    package42513 (1.0.0)
    package42514 (1.0.0)
    package42515 (1.0.0)
    package42516 (1.0.0)
    package42517 (1.0.0)
    package42518 (1.0.0)
    package42519 (1.0.0)
    package42520 (1.0.0)
    package42521 (1.0.0)
    package42522 (1.0.0)
    package42523 (1.0.0)
    package42524 (1.0.0)
    package42525 (1.0.0)
    package42526 (1.0.0)
    package42527 (1.0.0)
    package42528 (1.0.0)
    package42529 (1.0.0)
    package42530 (1.0.0)
    package42531 (1.0.0)
    package42532 (1.0.0)
    package42533 (1.0.0)
    package42534 (1.0.0)
    package42535 (1.0.0)
    package42536 (1.0.0)
    package42537 (1.0.0)
    package42538 (1.0.0)
    package42539 (1.0.0)
    package42540 (1.0.0)
    package42541 (1.0.0)
    package42542 (1.0.0)
    package42543 (1.0.0)
    package42544 (1.0.0)
    package42545 (1.0.0)
    package42546 (1.0.0)
    package42547 (1.0.0)
    package42548 (1.0.0)
    package42549 (1.0.0)
    package42550 (1.0.0)
    package42551 (1.0.0)
    package42552 (1.0.0)
    package42553 (1.0.0)
    package42554 (1.0.0)
    package42555 (1.0.0)
    package42556 (1.0.0)
    package42557 (1.0.0)
    package42558 (1.0.0)
    package42559 (1.0.0)
    package42560 (1.0.0)
    package42561 (1.0.0)
    package42562 (1.0.0)
    package42563 (1.0.0)
    package42564 (1.0.0)
    package42565 (1.0.0)
    package42566 (1.0.0)
    package42567 (1.0.0)
    package42568 (1.0.0)
    package42569 (1.0.0)
    package42570 (1.0.0)
    package42571 (1.0.0)
    package42572 (1.0.0)
    package42573 (1.0.0)
    package42574 (1.0.0)
    package42575 (1.0.0)
    package42576 (1.0.0)
    package42577 (1.0.0)
    package42578 (1.0.0)
    package42579 (1.0.0)
    package42580 (1.0.0)
    package42581 (1.0.0)
    package42582 (1.0.0)
    package42583 (1.0.0)
    package42584 (1.0.0)
    package42585 (1.0.0)
    package42586 (1.0.0)
    package42587 (1.0.0)
    package42588 (1.0.0)
    package42589 (1.0.0)
    package42590 (1.0.0)
    package42591 (1.0.0)
    package42592 (1.0.0)
    package42593 (1.0.0)
    package42594 (1.0.0)
    package42595 (1.0.0)
    package42596 (1.0.0)
    package42597 (1.0.0)
    package42598 (1.0.0)
    package42599 (1.0.0)
    package42600 (1.0.0)
    package42601 (1.0.0)
    package42602 (1.0.0)
    package42603 (1.0.0)
    package42604 (1.0.0)
    package42605 (1.0.0)
    package42606 (1.0.0)
    package42607 (1.0.0)
    package42608 (1.0.0)
    package42609 (1.0.0)
    package42610 (1.0.0)
    package42611 (1.0.0)
    package42612 (1.0.0)
    package42613 (1.0.0)
    package42614 (1.0.0)
    package42615 (1.0.0)
    package42616 (1.0.0)
    package42617 (1.0.0)
    package42618 (1.0.0)
    package42619 (1.0.0)
    package42620 (1.0.0)
    package42621 (1.0.0)
    package42622 (1.0.0)
    package42623 (1.0.0)
    package42624 (1.0.0)
    package42625 (1.0.0)
    package42626 (1.0.0)
    package42627 (1.0.0)
    package42628 (1.0.0)
    package42629 (1.0.0)
    package42630 (1.0.0)
    package42631 (1.0.0)
    package42632 (1.0.0)
    package42633 (1.0.0)
    package42634 (1.0.0)
    package42635 (1.0.0)
    package42636 (1.0.0)
    package42637 (1.0.0)
    package42638 (1.0.0)
    package42639 (1.0.0)
    package42640 (1.0.0)
    package42641 (1.0.0)
    package42642 (1.0.0)
    package42643 (1.0.0)
    package42644 (1.0.0)
    package42645 (1.0.0)
    package42646 (1.0.0)
    package42647 (1.0.0)
    package42648 (1.0.0)
    package42649 (1.0.0)
    package42650 (1.0.0)
    package42651 (1.0.0)
    package42652 (1.0.0)
    package42653 (1.0.0)
    package42654 (1.0.0)
    package42655 (1.0.0)
    package42656 (1.0.0)
    package42657 (1.0.0)
    package42658 (1.0.0)
    package42659 (1.0.0)
    package42660 (1.0.0)
    package42661 (1.0.0)
    package42662 (1.0.0)
    package42663 (1.0.0)
    package42664 (1.0.0)
    package42665 (1.0.0)
    package42666 (1.0.0)
    package42667 (1.0.0)
    package42668 (1.0.0)
    package42669 (1.0.0)
    package42670 (1.0.0)
    package42671 (1.0.0)
    package42672 (1.0.0)
    package42673 (1.0.0)
    package42674 (1.0.0)
    package42675 (1.0.0)
    package42676 (1.0.0)
    package42677 (1.0.0)
    package42678 (1.0.0)
    package42679 (1.0.0)
    package42680 (1.0.0)
    package42681 (1.0.0)
    package42682 (1.0.0)
    package42683 (1.0.0)
    package42684 (1.0.0)
    package42685 (1.0.0)
    package42686 (1.0.0)
    package42687 (1.0.0)
    package42688 (1.0.0)
    package42689 (1.0.0)
    package42690 (1.0.0)
    package42691 (1.0.0)
    package42692 (1.0.0)
    package42693 (1.0.0)
    package42694 (1.0.0)
    package42695 (1.0.0)
    package42696 (1.0.0)
    package42697 (1.0.0)
    package42698 (1.0.0)
    package42699 (1.0.0)
    package42700 (1.0.0)
    package42701 (1.0.0)
    package42702 (1.0.0)
    package42703 (1.0.0)
    package42704 (1.0.0)
    package42705 (1.0.0)
    package42706 (1.0.0)
    package42707 (1.0.0)
    package42708 (1.0.0)
    package42709 (1.0.0)
    package42710 (1.0.0)
    package42711 (1.0.0)
    package42712 (1.0.0)
    package42713 (1.0.0)
    package42714 (1.0.0)
    package42715 (1.0.0)
    package42716 (1.0.0)
    package42717 (1.0.0)
    package42718 (1.0.0)
    package42719 (1.0.0)
    package42720 (1.0.0)
    package42721 (1.0.0)
    package42722 (1.0.0)
    package42723 (1.0.0)
    package42724 (1.0.0)
    package42725 (1.0.0)
    package42726 (1.0.0)
    package42727 (1.0.0)
    package42728 (1.0.0)
    package42729 (1.0.0)
    package42730 (1.0.0)
    package42731 (1.0.0)
    package42732 (1.0.0)
    package42733 (1.0.0)
    package42734 (1.0.0)
    package42735 (1.0.0)
    package42736 (1.0.0)
    package42737 (1.0.0)
    package42738 (1.0.0)
    package42739 (1.0.0)
    package42740 (1.0.0)
    package42741 (1.0.0)
    package42742 (1.0.0)
    package42743 (1.0.0)
    package42744 (1.0.0)
    package42745 (1.0.0)
    package42746 (1.0.0)
    package42747 (1.0.0)
    package42748 (1.0.0)
    package42749 (1.0.0)
    package42750 (1.0.0)
    package42751 (1.0.0)
    package42752 (1.0.0)
    package42753 (1.0.0)
    package42754 (1.0.0)
    package42755 (1.0.0)
    package42756 (1.0.0)
    package42757 (1.0.0)
    package42758 (1.0.0)
    package42759 (1.0.0)
    package42760 (1.0.0)
    package42761 (1.0.0)
    package42762 (1.0.0)
    package42763 (1.0.0)
    package42764 (1.0.0)
    package42765 (1.0.0)
    package42766 (1.0.0)
    package42767 (1.0.0)
    package42768 (1.0.0)
    package42769 (1.0.0)
    package42770 (1.0.0)
    package42771 (1.0.0)
    package42772 (1.0.0)
    package42773 (1.0.0)
    package42774 (1.0.0)
    package42775 (1.0.0)
    package42776 (1.0.0)
    package42777 (1.0.0)
    package42778 (1.0.0)
    package42779 (1.0.0)
    package42780 (1.0.0)
    package42781 (1.0.0)
    package42782 (1.0.0)
    package42783 (1.0.0)
    package42784 (1.0.0)
    package42785 (1.0.0)
    package42786 (1.0.0)
    package42787 (1.0.0)
    package42788 (1.0.0)
    package42789 (1.0.0)
    package42790 (1.0.0)
    package42791 (1.0.0)
    package42792 (1.0.0)
    package42793 (1.0.0)
    package42794 (1.0.0)
    package42795 (1.0.0)
    package42796 (1.0.0)
    package42797 (1.0.0)
    package42798 (1.0.0)
    package42799 (1.0.0)
    package42800 (1.0.0)
    package42801 (1.0.0)
    package42802 (1.0.0)
    package42803 (1.0.0)
    package42804 (1.0.0)
    package42805 (1.0.0)
    package42806 (1.0.0)
    package42807 (1.0.0)
    package42808 (1.0.0)
    package42809 (1.0.0)
    package42810 (1.0.0)
    package42811 (1.0.0)
    package42812 (1.0.0)
    package42813 (1.0.0)
    package42814 (1.0.0)
    package42815 (1.0.0)
    package42816 (1.0.0)
    package42817 (1.0.0)
    package42818 (1.0.0)
    package42819 (1.0.0)
    package42820 (1.0.0)
    package42821 (1.0.0)
    package42822 (1.0.0)
    package42823 (1.0.0)
    package42824 (1.0.0)
    package42825 (1.0.0)
    package42826 (1.0.0)
    package42827 (1.0.0)
    package42828 (1.0.0)
    package42829 (1.0.0)
    package42830 (1.0.0)
    package42831 (1.0.0)
    package42832 (1.0.0)
    package42833 (1.0.0)
    package42834 (1.0.0)
    package42835 (1.0.0)
    package42836 (1.0.0)
    package42837 (1.0.0)
    package42838 (1.0.0)
    package42839 (1.0.0)
    package42840 (1.0.0)
    package42841 (1.0.0)
    package42842 (1.0.0)
    package42843 (1.0.0)
    package42844 (1.0.0)
    package42845 (1.0.0)
    package42846 (1.0.0)
    package42847 (1.0.0)
    package42848 (1.0.0)
    package42849 (1.0.0)
    package42850 (1.0.0)
    package42851 (1.0.0)
    package42852 (1.0.0)
    package42853 (1.0.0)
    package42854 (1.0.0)
    package42855 (1.0.0)
    package42856 (1.0.0)
    package42857 (1.0.0)
    package42858 (1.0.0)
    package42859 (1.0.0)
    package42860 (1.0.0)
    package42861 (1.0.0)
    package42862 (1.0.0)
    package42863 (1.0.0)
    package42864 (1.0.0)
    package42865 (1.0.0)
    package42866 (1.0.0)
    package42867 (1.0.0)
    package42868 (1.0.0)
    package42869 (1.0.0)
    package42870 (1.0.0)
    package42871 (1.0.0)
    package42872 (1.0.0)
    package42873 (1.0.0)
    package42874 (1.0.0)
    package42875 (1.0.0)
    package42876 (1.0.0)
    package42877 (1.0.0)
    package42878 (1.0.0)
    package42879 (1.0.0)
    package42880 (1.0.0)
    package42881 (1.0.0)
    package42882 (1.0.0)
    package42883 (1.0.0)
    package42884 (1.0.0)
    package42885 (1.0.0)
    package42886 (1.0.0)
    package42887 (1.0.0)
    package42888 (1.0.0)
    package42889 (1.0.0)
    package42890 (1.0.0)
    package42891 (1.0.0)
    package42892 (1.0.0)
    package42893 (1.0.0)
    package42894 (1.0.0)
    package42895 (1.0.0)
    package42896 (1.0.0)
    package42897 (1.0.0)
    package42898 (1.0.0)
    package42899 (1.0.0)
    package42900 (1.0.0)
    package42901 (1.0.0)
    package42902 (1.0.0)
    package42903 (1.0.0)
    package42904 (1.0.0)
    package42905 (1.0.0)
    package42906 (1.0.0)
    package42907 (1.0.0)
    package42908 (1.0.0)
    package42909 (1.0.0)
    package42910 (1.0.0)
    package42911 (1.0.0)
    package42912 (1.0.0)
    package42913 (1.0.0)
    package42914 (1.0.0)
    package42915 (1.0.0)
    package42916 (1.0.0)
    package42917 (1.0.0)
    package42918 (1.0.0)
    package42919 (1.0.0)
    package42920 (1.0.0)
    package42921 (1.0.0)
    package42922 (1.0.0)
    package42923 (1.0.0)
    package42924 (1.0.0)
    package42925 (1.0.0)
    package42926 (1.0.0)
    package42927 (1.0.0)
    package42928 (1.0.0)
    package42929 (1.0.0)
    package42930 (1.0.0)
    package42931 (1.0.0)
    package42932 (1.0.0)
    package42933 (1.0.0)
    package42934 (1.0.0)
    package42935 (1.0.0)
    package42936 (1.0.0)
    package42937 (1.0.0)
    package42938 (1.0.0)
    package42939 (1.0.0)
    package42940 (1.0.0)
    package42941 (1.0.0)
    package42942 (1.0.0)
    package42943 (1.0.0)
    package42944 (1.0.0)
    package42945 (1.0.0)
    package42946 (1.0.0)
    package42947 (1.0.0)
    package42948 (1.0.0)
    package42949 (1.0.0)
    package42950 (1.0.0)
    package42951 (1.0.0)
    package42952 (1.0.0)
    package42953 (1.0.0)
    package42954 (1.0.0)
    package42955 (1.0.0)
    package42956 (1.0.0)
    package42957 (1.0.0)
    package42958 (1.0.0)
    package42959 (1.0.0)
    package42960 (1.0.0)
    package42961 (1.0.0)
    package42962 (1.0.0)
    package42963 (1.0.0)
    package42964 (1.0.0)
    package42965 (1.0.0)
    package42966 (1.0.0)
    package42967 (1.0.0)
    package42968 (1.0.0)
    package42969 (1.0.0)
    package42970 (1.0.0)
    package42971 (1.0.0)
    package42972 (1.0.0)
    package42973 (1.0.0)
    package42974 (1.0.0)
    package42975 (1.0.0)
    package42976 (1.0.0)
    package42977 (1.0.0)
    package42978 (1.0.0)
    package42979 (1.0.0)
    package42980 (1.0.0)
    package42981 (1.0.0)
    package42982 (1.0.0)
    package42983 (1.0.0)
    package42984 (1.0.0)
    package42985 (1.0.0)
    package42986 (1.0.0)
    package42987 (1.0.0)
    package42988 (1.0.0)
    package42989 (1.0.0)
    package42990 (1.0.0)
    package42991 (1.0.0)
    package42992 (1.0.0)
    package42993 (1.0.0)
    package42994 (1.0.0)
    package42995 (1.0.0)
    package42996 (1.0.0)
    package42997 (1.0.0)
    package42998 (1.0.0)
    package42999 (1.0.0)
    package43000 (1.0.0)
    package43001 (1.0.0)
    package43002 (1.0.0)
    package43003 (1.0.0)
    package43004 (1.0.0)
    package43005 (1.0.0)
    package43006 (1.0.0)
    package43007 (1.0.0)
    package43008 (1.0.0)
    package43009 (1.0.0)
    package43010 (1.0.0)
    package43011 (1.0.0)
    package43012 (1.0.0)
    package43013 (1.0.0)
    package43014 (1.0.0)
    package43015 (1.0.0)
    package43016 (1.0.0)
    package43017 (1.0.0)
    package43018 (1.0.0)
    package43019 (1.0.0)
    package43020 (1.0.0)
    package43021 (1.0.0)
    package43022 (1.0.0)
    package43023 (1.0.0)
    package43024 (1.0.0)
    package43025 (1.0.0)
    package43026 (1.0.0)
    package43027 (1.0.0)
    package43028 (1.0.0)
    package43029 (1.0.0)
    package43030 (1.0.0)
    package43031 (1.0.0)
    package43032 (1.0.0)
    package43033 (1.0.0)
    package43034 (1.0.0)
    package43035 (1.0.0)
    package43036 (1.0.0)
    package43037 (1.0.0)
    package43038 (1.0.0)
    package43039 (1.0.0)
    package43040 (1.0.0)
    package43041 (1.0.0)
    package43042 (1.0.0)
    package43043 (1.0.0)
    package43044 (1.0.0)
    package43045 (1.0.0)
    package43046 (1.0.0)
    package43047 (1.0.0)
    package43048 (1.0.0)
    package43049 (1.0.0)
    package43050 (1.0.0)
    package43051 (1.0.0)
    package43052 (1.0.0)
    package43053 (1.0.0)
    package43054 (1.0.0)
    package43055 (1.0.0)
    package43056 (1.0.0)
    package43057 (1.0.0)
    package43058 (1.0.0)
    package43059 (1.0.0)
    package43060 (1.0.0)
    package43061 (1.0.0)
    package43062 (1.0.0)
    package43063 (1.0.0)
    package43064 (1.0.0)
    package43065 (1.0.0)
    package43066 (1.0.0)
    package43067 (1.0.0)
    package43068 (1.0.0)
    package43069 (1.0.0)
    package43070 (1.0.0)
    package43071 (1.0.0)
    package43072 (1.0.0)
    package43073 (1.0.0)
    package43074 (1.0.0)
    package43075 (1.0.0)
    package43076 (1.0.0)
    package43077 (1.0.0)
    package43078 (1.0.0)
    package43079 (1.0.0)
    package43080 (1.0.0)
    package43081 (1.0.0)
    package43082 (1.0.0)
    package43083 (1.0.0)
    package43084 (1.0.0)
    package43085 (1.0.0)
    package43086 (1.0.0)
    package43087 (1.0.0)
    package43088 (1.0.0)
    package43089 (1.0.0)
    package43090 (1.0.0)
    package43091 (1.0.0)
    package43092 (1.0.0)
    package43093 (1.0.0)
    package43094 (1.0.0)
    package43095 (1.0.0)
    package43096 (1.0.0)
    package43097 (1.0.0)
    package43098 (1.0.0)
    package43099 (1.0.0)
    package43100 (1.0.0)
    package43101 (1.0.0)
    package43102 (1.0.0)
    package43103 (1.0.0)
    package43104 (1.0.0)
    package43105 (1.0.0)
    package43106 (1.0.0)
    package43107 (1.0.0)
    package43108 (1.0.0)
    package43109 (1.0.0)
    package43110 (1.0.0)
    package43111 (1.0.0)
    package43112 (1.0.0)
    package43113 (1.0.0)
    package43114 (1.0.0)
    package43115 (1.0.0)
    package43116 (1.0.0)
    package43117 (1.0.0)
    package43118 (1.0.0)
    package43119 (1.0.0)
    package43120 (1.0.0)
    package43121 (1.0.0)
    package43122 (1.0.0)
    package43123 (1.0.0)
    package43124 (1.0.0)
    package43125 (1.0.0)
    package43126 (1.0.0)
    package43127 (1.0.0)
    package43128 (1.0.0)
    package43129 (1.0.0)
    package43130 (1.0.0)
    package43131 (1.0.0)
    package43132 (1.0.0)
    package43133 (1.0.0)
    package43134 (1.0.0)
    package43135 (1.0.0)
    package43136 (1.0.0)
    package43137 (1.0.0)
    package43138 (1.0.0)
    package43139 (1.0.0)
    package43140 (1.0.0)
    package43141 (1.0.0)
    package43142 (1.0.0)
    package43143 (1.0.0)
    package43144 (1.0.0)
    package43145 (1.0.0)
    package43146 (1.0.0)
    package43147 (1.0.0)
    package43148 (1.0.0)
    package43149 (1.0.0)
    package43150 (1.0.0)
    package43151 (1.0.0)
    package43152 (1.0.0)
    package43153 (1.0.0)
    package43154 (1.0.0)
    package43155 (1.0.0)
    package43156 (1.0.0)
    package43157 (1.0.0)
    package43158 (1.0.0)
    package43159 (1.0.0)
    package43160 (1.0.0)
    package43161 (1.0.0)
    package43162 (1.0.0)
    package43163 (1.0.0)
    package43164 (1.0.0)
    package43165 (1.0.0)
    package43166 (1.0.0)
    package43167 (1.0.0)
    package43168 (1.0.0)
    package43169 (1.0.0)
    package43170 (1.0.0)
    package43171 (1.0.0)
    package43172 (1.0.0)
    package43173 (1.0.0)
    package43174 (1.0.0)
    package43175 (1.0.0)
    package43176 (1.0.0)
    package43177 (1.0.0)
    package43178 (1.0.0)
    package43179 (1.0.0)
    package43180 (1.0.0)
    package43181 (1.0.0)
    package43182 (1.0.0)
    package43183 (1.0.0)
    package43184 (1.0.0)
    package43185 (1.0.0)
    package43186 (1.0.0)
    package43187 (1.0.0)
    package43188 (1.0.0)
    package43189 (1.0.0)
    package43190 (1.0.0)
    package43191 (1.0.0)
    package43192 (1.0.0)
    package43193 (1.0.0)
    package43194 (1.0.0)
    package43195 (1.0.0)
    package43196 (1.0.0)
    package43197 (1.0.0)
    package43198 (1.0.0)
    package43199 (1.0.0)
    package43200 (1.0.0)
    package43201 (1.0.0)
    package43202 (1.0.0)
    package43203 (1.0.0)
    package43204 (1.0.0)
    package43205 (1.0.0)
    package43206 (1.0.0)
    package43207 (1.0.0)
    package43208 (1.0.0)
    package43209 (1.0.0)
    package43210 (1.0.0)
    package43211 (1.0.0)
    package43212 (1.0.0)
    package43213 (1.0.0)
    package43214 (1.0.0)
    package43215 (1.0.0)
    package43216 (1.0.0)
    package43217 (1.0.0)
    package43218 (1.0.0)
    package43219 (1.0.0)
    package43220 (1.0.0)
    package43221 (1.0.0)
    package43222 (1.0.0)
    package43223 (1.0.0)
    package43224 (1.0.0)
    package43225 (1.0.0)
    package43226 (1.0.0)
    package43227 (1.0.0)
    package43228 (1.0.0)
    package43229 (1.0.0)
    package43230 (1.0.0)
    package43231 (1.0.0)
    package43232 (1.0.0)
    package43233 (1.0.0)
    package43234 (1.0.0)
    package43235 (1.0.0)
    package43236 (1.0.0)
    package43237 (1.0.0)
    package43238 (1.0.0)
    package43239 (1.0.0)
    package43240 (1.0.0)
    package43241 (1.0.0)
    package43242 (1.0.0)
    package43243 (1.0.0)
    package43244 (1.0.0)
    package43245 (1.0.0)
    package43246 (1.0.0)
    package43247 (1.0.0)
    package43248 (1.0.0)
    package43249 (1.0.0)
    package43250 (1.0.0)
    package43251 (1.0.0)
    package43252 (1.0.0)
    package43253 (1.0.0)
    package43254 (1.0.0)
    package43255 (1.0.0)
    package43256 (1.0.0)
    package43257 (1.0.0)
    package43258 (1.0.0)
    package43259 (1.0.0)
    package43260 (1.0.0)
    package43261 (1.0.0)
    package43262 (1.0.0)
    package43263 (1.0.0)
    package43264 (1.0.0)
    package43265 (1.0.0)
    package43266 (1.0.0)
    package43267 (1.0.0)
    package43268 (1.0.0)
    package43269 (1.0.0)
    package43270 (1.0.0)
    package43271 (1.0.0)
    package43272 (1.0.0)
    package43273 (1.0.0)
    package43274 (1.0.0)
    package43275 (1.0.0)
    package43276 (1.0.0)
    package43277 (1.0.0)
    package43278 (1.0.0)
    package43279 (1.0.0)
    package43280 (1.0.0)
    package43281 (1.0.0)
    package43282 (1.0.0)
    package43283 (1.0.0)
    package43284 (1.0.0)
    package43285 (1.0.0)
    package43286 (1.0.0)
    package43287 (1.0.0)
    package43288 (1.0.0)
    package43289 (1.0.0)
    package43290 (1.0.0)
    package43291 (1.0.0)
    package43292 (1.0.0)
    package43293 (1.0.0)
    package43294 (1.0.0)
    package43295 (1.0.0)
    package43296 (1.0.0)
    package43297 (1.0.0)
    package43298 (1.0.0)
    package43299 (1.0.0)
    package43300 (1.0.0)
    package43301 (1.0.0)
    package43302 (1.0.0)
    package43303 (1.0.0)
    package43304 (1.0.0)
    package43305 (1.0.0)
    package43306 (1.0.0)
    package43307 (1.0.0)
    package43308 (1.0.0)
    package43309 (1.0.0)
    package43310 (1.0.0)
    package43311 (1.0.0)
    package43312 (1.0.0)
    package43313 (1.0.0)
    package43314 (1.0.0)
    package43315 (1.0.0)
    package43316 (1.0.0)
    package43317 (1.0.0)
    package43318 (1.0.0)
    package43319 (1.0.0)
    package43320 (1.0.0)
    package43321 (1.0.0)
    package43322 (1.0.0)
    package43323 (1.0.0)
    package43324 (1.0.0)
    package43325 (1.0.0)
    package43326 (1.0.0)
    package43327 (1.0.0)
    package43328 (1.0.0)
    package43329 (1.0.0)
    package43330 (1.0.0)
    package43331 (1.0.0)
    package43332 (1.0.0)
    package43333 (1.0.0)
    package43334 (1.0.0)
    package43335 (1.0.0)
    package43336 (1.0.0)
    package43337 (1.0.0)
    package43338 (1.0.0)
    package43339 (1.0.0)
    package43340 (1.0.0)
    package43341 (1.0.0)
    package43342 (1.0.0)
    package43343 (1.0.0)
    package43344 (1.0.0)
    package43345 (1.0.0)
    package43346 (1.0.0)
    package43347 (1.0.0)
    package43348 (1.0.0)
    package43349 (1.0.0)
    package43350 (1.0.0)
    package43351 (1.0.0)
    package43352 (1.0.0)
    package43353 (1.0.0)
    package43354 (1.0.0)
    package43355 (1.0.0)
    package43356 (1.0.0)
    package43357 (1.0.0)
    package43358 (1.0.0)
    package43359 (1.0.0)
    package43360 (1.0.0)
    package43361 (1.0.0)
    package43362 (1.0.0)
    package43363 (1.0.0)
    package43364 (1.0.0)
    package43365 (1.0.0)
    package43366 (1.0.0)
    package43367 (1.0.0)
    package43368 (1.0.0)
    package43369 (1.0.0)
    package43370 (1.0.0)
    package43371 (1.0.0)
    package43372 (1.0.0)
    package43373 (1.0.0)
    package43374 (1.0.0)
    package43375 (1.0.0)
    package43376 (1.0.0)
    package43377 (1.0.0)
    package43378 (1.0.0)
    package43379 (1.0.0)
    package43380 (1.0.0)
    package43381 (1.0.0)
    package43382 (1.0.0)
    package43383 (1.0.0)
    package43384 (1.0.0)
    package43385 (1.0.0)
    package43386 (1.0.0)
    package43387 (1.0.0)
    package43388 (1.0.0)
    package43389 (1.0.0)
    package43390 (1.0.0)
    package43391 (1.0.0)
    package43392 (1.0.0)
    package43393 (1.0.0)
    package43394 (1.0.0)
    package43395 (1.0.0)
    package43396 (1.0.0)
    package43397 (1.0.0)
    package43398 (1.0.0)
    package43399 (1.0.0)
    package43400 (1.0.0)
    package43401 (1.0.0)
    package43402 (1.0.0)
    package43403 (1.0.0)
    package43404 (1.0.0)
    package43405 (1.0.0)
    package43406 (1.0.0)
    package43407 (1.0.0)
    package43408 (1.0.0)
    package43409 (1.0.0)
    package43410 (1.0.0)
    package43411 (1.0.0)
    package43412 (1.0.0)
    package43413 (1.0.0)
    package43414 (1.0.0)
    package43415 (1.0.0)
    package43416 (1.0.0)
    package43417 (1.0.0)
    package43418 (1.0.0)
    package43419 (1.0.0)
    package43420 (1.0.0)
    package43421 (1.0.0)
    package43422 (1.0.0)
    package43423 (1.0.0)
    package43424 (1.0.0)
    package43425 (1.0.0)
    package43426 (1.0.0)
    package43427 (1.0.0)
    package43428 (1.0.0)
    package43429 (1.0.0)
    package43430 (1.0.0)
    package43431 (1.0.0)
    package43432 (1.0.0)
    package43433 (1.0.0)
    package43434 (1.0.0)
    package43435 (1.0.0)
    package43436 (1.0.0)
    package43437 (1.0.0)
    package43438 (1.0.0)
    package43439 (1.0.0)
    package43440 (1.0.0)
    package43441 (1.0.0)
    package43442 (1.0.0)
    package43443 (1.0.0)
    package43444 (1.0.0)
    package43445 (1.0.0)
    package43446 (1.0.0)
    package43447 (1.0.0)
    package43448 (1.0.0)
    package43449 (1.0.0)
    package43450 (1.0.0)
    package43451 (1.0.0)
    package43452 (1.0.0)
    package43453 (1.0.0)
    package43454 (1.0.0)
    package43455 (1.0.0)
    package43456 (1.0.0)
    package43457 (1.0.0)
    package43458 (1.0.0)
    package43459 (1.0.0)
    package43460 (1.0.0)
    package43461 (1.0.0)
    package43462 (1.0.0)
    package43463 (1.0.0)
    package43464 (1.0.0)
    package43465 (1.0.0)
    package43466 (1.0.0)
    package43467 (1.0.0)
    package43468 (1.0.0)
    package43469 (1.0.0)
    package43470 (1.0.0)
    package43471 (1.0.0)
    package43472 (1.0.0)
    package43473 (1.0.0)
    package43474 (1.0.0)
    package43475 (1.0.0)
    package43476 (1.0.0)
    package43477 (1.0.0)
    package43478 (1.0.0)
    package43479 (1.0.0)
    package43480 (1.0.0)
    package43481 (1.0.0)
    package43482 (1.0.0)
    package43483 (1.0.0)
    package43484 (1.0.0)
    package43485 (1.0.0)
    package43486 (1.0.0)
    package43487 (1.0.0)
    package43488 (1.0.0)
    package43489 (1.0.0)
    package43490 (1.0.0)
    package43491 (1.0.0)
    package43492 (1.0.0)
    package43493 (1.0.0)
    package43494 (1.0.0)
    package43495 (1.0.0)
    package43496 (1.0.0)
    package43497 (1.0.0)
    package43498 (1.0.0)
    package43499 (1.0.0)
    package43500 (1.0.0)
    package43501 (1.0.0)
    package43502 (1.0.0)
    package43503 (1.0.0)
    package43504 (1.0.0)
    package43505 (1.0.0)
    package43506 (1.0.0)
    package43507 (1.0.0)
    package43508 (1.0.0)
    package43509 (1.0.0)
    package43510 (1.0.0)
    package43511 (1.0.0)
    package43512 (1.0.0)
    package43513 (1.0.0)
    package43514 (1.0.0)
    package43515 (1.0.0)
    package43516 (1.0.0)
    package43517 (1.0.0)
    package43518 (1.0.0)
    package43519 (1.0.0)
    package43520 (1.0.0)
    package43521 (1.0.0)
    package43522 (1.0.0)
    package43523 (1.0.0)
    package43524 (1.0.0)
    package43525 (1.0.0)
    package43526 (1.0.0)
    package43527 (1.0.0)
    package43528 (1.0.0)
    package43529 (1.0.0)
    package43530 (1.0.0)
    package43531 (1.0.0)
    package43532 (1.0.0)
    package43533 (1.0.0)
    package43534 (1.0.0)
    package43535 (1.0.0)
    package43536 (1.0.0)
    package43537 (1.0.0)
    package43538 (1.0.0)
    package43539 (1.0.0)
    package43540 (1.0.0)
    package43541 (1.0.0)
    package43542 (1.0.0)
    package43543 (1.0.0)
    package43544 (1.0.0)
    package43545 (1.0.0)
    package43546 (1.0.0)
    package43547 (1.0.0)
    package43548 (1.0.0)
    package43549 (1.0.0)
    package43550 (1.0.0)
    package43551 (1.0.0)
    package43552 (1.0.0)
    package43553 (1.0.0)
    package43554 (1.0.0)
    package43555 (1.0.0)
    package43556 (1.0.0)
    package43557 (1.0.0)
    package43558 (1.0.0)
    package43559 (1.0.0)
    package43560 (1.0.0)
    package43561 (1.0.0)
    package43562 (1.0.0)
    package43563 (1.0.0)
    package43564 (1.0.0)
    package43565 (1.0.0)
    package43566 (1.0.0)
    package43567 (1.0.0)
    package43568 (1.0.0)
    package43569 (1.0.0)
    package43570 (1.0.0)
    package43571 (1.0.0)
    package43572 (1.0.0)
    package43573 (1.0.0)
    package43574 (1.0.0)
    package43575 (1.0.0)
    package43576 (1.0.0)
    package43577 (1.0.0)
    package43578 (1.0.0)
    package43579 (1.0.0)
    package43580 (1.0.0)
    package43581 (1.0.0)
    package43582 (1.0.0)
    package43583 (1.0.0)
    package43584 (1.0.0)
    package43585 (1.0.0)
    package43586 (1.0.0)
    package43587 (1.0.0)
    package43588 (1.0.0)
    package43589 (1.0.0)
    package43590 (1.0.0)
    package43591 (1.0.0)
    package43592 (1.0.0)
    package43593 (1.0.0)
    package43594 (1.0.0)
    package43595 (1.0.0)
    package43596 (1.0.0)
    package43597 (1.0.0)
    package43598 (1.0.0)
    package43599 (1.0.0)
    package43600 (1.0.0)
    package43601 (1.0.0)
    package43602 (1.0.0)
    package43603 (1.0.0)
    package43604 (1.0.0)
    package43605 (1.0.0)
    package43606 (1.0.0)
    package43607 (1.0.0)
    package43608 (1.0.0)
    package43609 (1.0.0)
    package43610 (1.0.0)
    package43611 (1.0.0)
    package43612 (1.0.0)
    package43613 (1.0.0)
    package43614 (1.0.0)
    package43615 (1.0.0)
    package43616 (1.0.0)
    package43617 (1.0.0)
    package43618 (1.0.0)
    package43619 (1.0.0)
    package43620 (1.0.0)
    package43621 (1.0.0)
    package43622 (1.0.0)
    package43623 (1.0.0)
    package43624 (1.0.0)
    package43625 (1.0.0)
    package43626 (1.0.0)
    package43627 (1.0.0)
    package43628 (1.0.0)
    package43629 (1.0.0)
    package43630 (1.0.0)
    package43631 (1.0.0)
    package43632 (1.0.0)
    package43633 (1.0.0)
    package43634 (1.0.0)
    package43635 (1.0.0)
    package43636 (1.0.0)
    package43637 (1.0.0)
    package43638 (1.0.0)
    package43639 (1.0.0)
    package43640 (1.0.0)
    package43641 (1.0.0)
    package43642 (1.0.0)
    package43643 (1.0.0)
    package43644 (1.0.0)
    package43645 (1.0.0)
    package43646 (1.0.0)
    package43647 (1.0.0)
    package43648 (1.0.0)
    package43649 (1.0.0)
    package43650 (1.0.0)
    package43651 (1.0.0)
    package43652 (1.0.0)
    package43653 (1.0.0)
    package43654 (1.0.0)
    package43655 (1.0.0)
    package43656 (1.0.0)
    package43657 (1.0.0)
    package43658 (1.0.0)
    package43659 (1.0.0)
    package43660 (1.0.0)
    package43661 (1.0.0)
    package43662 (1.0.0)
    package43663 (1.0.0)
    package43664 (1.0.0)
    package43665 (1.0.0)
    package43666 (1.0.0)
    package43667 (1.0.0)
    package43668 (1.0.0)
    package43669 (1.0.0)
    package43670 (1.0.0)
    package43671 (1.0.0)
    package43672 (1.0.0)
    package43673 (1.0.0)
    package43674 (1.0.0)
    package43675 (1.0.0)
    package43676 (1.0.0)
    package43677 (1.0.0)
    package43678 (1.0.0)
    package43679 (1.0.0)
    package43680 (1.0.0)
    package43681 (1.0.0)
    package43682 (1.0.0)
    package43683 (1.0.0)
    package43684 (1.0.0)
    package43685 (1.0.0)
    package43686 (1.0.0)
    package43687 (1.0.0)
    package43688 (1.0.0)
    package43689 (1.0.0)
    package43690 (1.0.0)
    package43691 (1.0.0)
    package43692 (1.0.0)
    package43693 (1.0.0)
    package43694 (1.0.0)
    package43695 (1.0.0)
    package43696 (1.0.0)
    package43697 (1.0.0)
    package43698 (1.0.0)
    package43699 (1.0.0)
    package43700 (1.0.0)
    package43701 (1.0.0)
    package43702 (1.0.0)
    package43703 (1.0.0)
    package43704 (1.0.0)
    package43705 (1.0.0)
    package43706 (1.0.0)
    package43707 (1.0.0)
    package43708 (1.0.0)
    package43709 (1.0.0)
    package43710 (1.0.0)
    package43711 (1.0.0)
    package43712 (1.0.0)
    package43713 (1.0.0)
    package43714 (1.0.0)
    package43715 (1.0.0)
    package43716 (1.0.0)
    package43717 (1.0.0)
    package43718 (1.0.0)
    package43719 (1.0.0)
    package43720 (1.0.0)
    package43721 (1.0.0)
    package43722 (1.0.0)
    package43723 (1.0.0)
    package43724 (1.0.0)
    package43725 (1.0.0)
    package43726 (1.0.0)
    package43727 (1.0.0)
    package43728 (1.0.0)
    package43729 (1.0.0)
    package43730 (1.0.0)
    package43731 (1.0.0)
    package43732 (1.0.0)
    package43733 (1.0.0)
    package43734 (1.0.0)
    package43735 (1.0.0)
    package43736 (1.0.0)
    package43737 (1.0.0)
    package43738 (1.0.0)
    package43739 (1.0.0)
    package43740 (1.0.0)
    package43741 (1.0.0)
    package43742 (1.0.0)
    package43743 (1.0.0)
    package43744 (1.0.0)
    package43745 (1.0.0)
    package43746 (1.0.0)
    package43747 (1.0.0)
    package43748 (1.0.0)
    package43749 (1.0.0)
    package43750 (1.0.0)
    package43751 (1.0.0)
    package43752 (1.0.0)
    package43753 (1.0.0)
    package43754 (1.0.0)
    package43755 (1.0.0)
    package43756 (1.0.0)
    package43757 (1.0.0)
    package43758 (1.0.0)
    package43759 (1.0.0)
    package43760 (1.0.0)
    package43761 (1.0.0)
    package43762 (1.0.0)
    package43763 (1.0.0)
    package43764 (1.0.0)
    package43765 (1.0.0)
    package43766 (1.0.0)
    package43767 (1.0.0)
    package43768 (1.0.0)
    package43769 (1.0.0)
    package43770 (1.0.0)
    package43771 (1.0.0)
    package43772 (1.0.0)
    package43773 (1.0.0)
    package43774 (1.0.0)
    package43775 (1.0.0)
    package43776 (1.0.0)
    package43777 (1.0.0)
    package43778 (1.0.0)
    package43779 (1.0.0)
    package43780 (1.0.0)
    package43781 (1.0.0)
    package43782 (1.0.0)
    package43783 (1.0.0)
    package43784 (1.0.0)
    package43785 (1.0.0)
    package43786 (1.0.0)
    package43787 (1.0.0)
    package43788 (1.0.0)
    package43789 (1.0.0)
    package43790 (1.0.0)
    package43791 (1.0.0)
    package43792 (1.0.0)
    package43793 (1.0.0)
    package43794 (1.0.0)
    package43795 (1.0.0)
    package43796 (1.0.0)
    package43797 (1.0.0)
    package43798 (1.0.0)
    package43799 (1.0.0)
    package43800 (1.0.0)
    package43801 (1.0.0)
    package43802 (1.0.0)
    package43803 (1.0.0)
    package43804 (1.0.0)
    package43805 (1.0.0)
    package43806 (1.0.0)
    package43807 (1.0.0)
    package43808 (1.0.0)
    package43809 (1.0.0)
    package43810 (1.0.0)
    package43811 (1.0.0)
    package43812 (1.0.0)
    package43813 (1.0.0)
    package43814 (1.0.0)
    package43815 (1.0.0)
    package43816 (1.0.0)
    package43817 (1.0.0)
    package43818 (1.0.0)
    package43819 (1.0.0)
    package43820 (1.0.0)
    package43821 (1.0.0)
    package43822 (1.0.0)
    package43823 (1.0.0)
    package43824 (1.0.0)
    package43825 (1.0.0)
    package43826 (1.0.0)
    package43827 (1.0.0)
    package43828 (1.0.0)
    package43829 (1.0.0)
    package43830 (1.0.0)
    package43831 (1.0.0)
    package43832 (1.0.0)
    package43833 (1.0.0)
    package43834 (1.0.0)
    package43835 (1.0.0)
    package43836 (1.0.0)
    package43837 (1.0.0)
    package43838 (1.0.0)
    package43839 (1.0.0)
    package43840 (1.0.0)
    package43841 (1.0.0)
    package43842 (1.0.0)
    package43843 (1.0.0)
    package43844 (1.0.0)
    package43845 (1.0.0)
    package43846 (1.0.0)
    package43847 (1.0.0)
    package43848 (1.0.0)
    package43849 (1.0.0)
    package43850 (1.0.0)
    package43851 (1.0.0)
    package43852 (1.0.0)
    package43853 (1.0.0)
    package43854 (1.0.0)
    package43855 (1.0.0)
    package43856 (1.0.0)
    package43857 (1.0.0)
    package43858 (1.0.0)
    package43859 (1.0.0)
    package43860 (1.0.0)
    package43861 (1.0.0)
    package43862 (1.0.0)
    package43863 (1.0.0)
    package43864 (1.0.0)
    package43865 (1.0.0)
    package43866 (1.0.0)
    package43867 (1.0.0)
    package43868 (1.0.0)
    package43869 (1.0.0)
    package43870 (1.0.0)
    package43871 (1.0.0)
    package43872 (1.0.0)
    package43873 (1.0.0)
    package43874 (1.0.0)
    package43875 (1.0.0)
    package43876 (1.0.0)
    package43877 (1.0.0)
    package43878 (1.0.0)
    package43879 (1.0.0)
    package43880 (1.0.0)
    package43881 (1.0.0)
    package43882 (1.0.0)
    package43883 (1.0.0)
    package43884 (1.0.0)
    package43885 (1.0.0)
    package43886 (1.0.0)
    package43887 (1.0.0)
    package43888 (1.0.0)
    package43889 (1.0.0)
    package43890 (1.0.0)
    package43891 (1.0.0)
    package43892 (1.0.0)
    package43893 (1.0.0)
    package43894 (1.0.0)
    package43895 (1.0.0)
    package43896 (1.0.0)
    package43897 (1.0.0)
    package43898 (1.0.0)
    package43899 (1.0.0)
    package43900 (1.0.0)
    package43901 (1.0.0)
    package43902 (1.0.0)
    package43903 (1.0.0)
    package43904 (1.0.0)
    package43905 (1.0.0)
    package43906 (1.0.0)
    package43907 (1.0.0)
    package43908 (1.0.0)
    package43909 (1.0.0)
    package43910 (1.0.0)
    package43911 (1.0.0)
    package43912 (1.0.0)
    package43913 (1.0.0)
    package43914 (1.0.0)
    package43915 (1.0.0)
    package43916 (1.0.0)
    package43917 (1.0.0)
    package43918 (1.0.0)
    package43919 (1.0.0)
    package43920 (1.0.0)
    package43921 (1.0.0)
    package43922 (1.0.0)
    package43923 (1.0.0)
    package43924 (1.0.0)
    package43925 (1.0.0)
    package43926 (1.0.0)
    package43927 (1.0.0)
    package43928 (1.0.0)
    package43929 (1.0.0)
    package43930 (1.0.0)
    package43931 (1.0.0)
    package43932 (1.0.0)
    package43933 (1.0.0)
    package43934 (1.0.0)
    package43935 (1.0.0)
    package43936 (1.0.0)
    package43937 (1.0.0)
    package43938 (1.0.0)
    package43939 (1.0.0)
    package43940 (1.0.0)
    package43941 (1.0.0)
    package43942 (1.0.0)
    package43943 (1.0.0)
    package43944 (1.0.0)
    package43945 (1.0.0)
    package43946 (1.0.0)
    package43947 (1.0.0)
    package43948 (1.0.0)
    package43949 (1.0.0)
    package43950 (1.0.0)
    package43951 (1.0.0)
    package43952 (1.0.0)
    package43953 (1.0.0)
    package43954 (1.0.0)
    package43955 (1.0.0)
    package43956 (1.0.0)
    package43957 (1.0.0)
    package43958 (1.0.0)
    package43959 (1.0.0)
    package43960 (1.0.0)
    package43961 (1.0.0)
    package43962 (1.0.0)
    package43963 (1.0.0)
    package43964 (1.0.0)
    package43965 (1.0.0)
    package43966 (1.0.0)
    package43967 (1.0.0)
    package43968 (1.0.0)
    package43969 (1.0.0)
    package43970 (1.0.0)
    package43971 (1.0.0)
    package43972 (1.0.0)
    package43973 (1.0.0)
    package43974 (1.0.0)
    package43975 (1.0.0)
    package43976 (1.0.0)
    package43977 (1.0.0)
    package43978 (1.0.0)
    package43979 (1.0.0)
    package43980 (1.0.0)
    package43981 (1.0.0)
    package43982 (1.0.0)
    package43983 (1.0.0)
    package43984 (1.0.0)
    package43985 (1.0.0)
    package43986 (1.0.0)
    package43987 (1.0.0)
    package43988 (1.0.0)
    package43989 (1.0.0)
    package43990 (1.0.0)
    package43991 (1.0.0)
    package43992 (1.0.0)
    package43993 (1.0.0)
    package43994 (1.0.0)
    package43995 (1.0.0)
    package43996 (1.0.0)
    package43997 (1.0.0)
    package43998 (1.0.0)
    package43999 (1.0.0)
    package44000 (1.0.0)
    package44001 (1.0.0)
    package44002 (1.0.0)
    package44003 (1.0.0)
    package44004 (1.0.0)
    package44005 (1.0.0)
    package44006 (1.0.0)
    package44007 (1.0.0)
    package44008 (1.0.0)
    package44009 (1.0.0)
    package44010 (1.0.0)
    package44011 (1.0.0)
    package44012 (1.0.0)
    package44013 (1.0.0)
    package44014 (1.0.0)
    package44015 (1.0.0)
    package44016 (1.0.0)
    package44017 (1.0.0)
    package44018 (1.0.0)
    package44019 (1.0.0)
    package44020 (1.0.0)
    package44021 (1.0.0)
    package44022 (1.0.0)
    package44023 (1.0.0)
    package44024 (1.0.0)
    package44025 (1.0.0)
    package44026 (1.0.0)
    package44027 (1.0.0)
    package44028 (1.0.0)
    package44029 (1.0.0)
    package44030 (1.0.0)
    package44031 (1.0.0)
    package44032 (1.0.0)
    package44033 (1.0.0)
    package44034 (1.0.0)
    package44035 (1.0.0)
    package44036 (1.0.0)
    package44037 (1.0.0)
    package44038 (1.0.0)
    package44039 (1.0.0)
    package44040 (1.0.0)
    package44041 (1.0.0)
    package44042 (1.0.0)
    package44043 (1.0.0)
    package44044 (1.0.0)
    package44045 (1.0.0)
    package44046 (1.0.0)
    package44047 (1.0.0)
    package44048 (1.0.0)
    package44049 (1.0.0)
    package44050 (1.0.0)
    package44051 (1.0.0)
    package44052 (1.0.0)
    package44053 (1.0.0)
    package44054 (1.0.0)
    package44055 (1.0.0)
    package44056 (1.0.0)
    package44057 (1.0.0)
    package44058 (1.0.0)
    package44059 (1.0.0)
    package44060 (1.0.0)
    package44061 (1.0.0)
    package44062 (1.0.0)
    package44063 (1.0.0)
    package44064 (1.0.0)
    package44065 (1.0.0)
    package44066 (1.0.0)
    package44067 (1.0.0)
    package44068 (1.0.0)
    package44069 (1.0.0)
    package44070 (1.0.0)
    package44071 (1.0.0)
    package44072 (1.0.0)
    package44073 (1.0.0)
    package44074 (1.0.0)
    package44075 (1.0.0)
    package44076 (1.0.0)
    package44077 (1.0.0)
    package44078 (1.0.0)
    package44079 (1.0.0)
    package44080 (1.0.0)
    package44081 (1.0.0)
    package44082 (1.0.0)
    package44083 (1.0.0)
    package44084 (1.0.0)
    package44085 (1.0.0)
    package44086 (1.0.0)
    package44087 (1.0.0)
    package44088 (1.0.0)
    package44089 (1.0.0)
    package44090 (1.0.0)
    package44091 (1.0.0)
    package44092 (1.0.0)
    package44093 (1.0.0)
    package44094 (1.0.0)
    package44095 (1.0.0)
    package44096 (1.0.0)
    package44097 (1.0.0)
    package44098 (1.0.0)
    package44099 (1.0.0)
    package44100 (1.0.0)
    package44101 (1.0.0)
    package44102 (1.0.0)
    package44103 (1.0.0)
    package44104 (1.0.0)
    package44105 (1.0.0)
    package44106 (1.0.0)
    package44107 (1.0.0)
    package44108 (1.0.0)
    package44109 (1.0.0)
    package44110 (1.0.0)
    package44111 (1.0.0)
    package44112 (1.0.0)
    package44113 (1.0.0)
    package44114 (1.0.0)
    package44115 (1.0.0)
    package44116 (1.0.0)
    package44117 (1.0.0)
    package44118 (1.0.0)
    package44119 (1.0.0)
    package44120 (1.0.0)
    package44121 (1.0.0)
    package44122 (1.0.0)
    package44123 (1.0.0)
    package44124 (1.0.0)
    package44125 (1.0.0)
    package44126 (1.0.0)
    package44127 (1.0.0)
    package44128 (1.0.0)
    package44129 (1.0.0)
    package44130 (1.0.0)
    package44131 (1.0.0)
    package44132 (1.0.0)
    package44133 (1.0.0)
    package44134 (1.0.0)
    package44135 (1.0.0)
    package44136 (1.0.0)
    package44137 (1.0.0)
    package44138 (1.0.0)
    package44139 (1.0.0)
    package44140 (1.0.0)
    package44141 (1.0.0)
    package44142 (1.0.0)
    package44143 (1.0.0)
    package44144 (1.0.0)
    package44145 (1.0.0)
    package44146 (1.0.0)
    package44147 (1.0.0)
    package44148 (1.0.0)
    package44149 (1.0.0)
    package44150 (1.0.0)
    package44151 (1.0.0)
    package44152 (1.0.0)
    package44153 (1.0.0)
    package44154 (1.0.0)
    package44155 (1.0.0)
    package44156 (1.0.0)
    package44157 (1.0.0)
    package44158 (1.0.0)
    package44159 (1.0.0)
    package44160 (1.0.0)
    package44161 (1.0.0)
    package44162 (1.0.0)
    package44163 (1.0.0)
    package44164 (1.0.0)
    package44165 (1.0.0)
    package44166 (1.0.0)
    package44167 (1.0.0)
    package44168 (1.0.0)
    package44169 (1.0.0)
    package44170 (1.0.0)
    package44171 (1.0.0)
    package44172 (1.0.0)
    package44173 (1.0.0)
    package44174 (1.0.0)
    package44175 (1.0.0)
    package44176 (1.0.0)
    package44177 (1.0.0)
    package44178 (1.0.0)
    package44179 (1.0.0)
    package44180 (1.0.0)
    package44181 (1.0.0)
    package44182 (1.0.0)
    package44183 (1.0.0)
    package44184 (1.0.0)
    package44185 (1.0.0)
    package44186 (1.0.0)
    package44187 (1.0.0)
    package44188 (1.0.0)
    package44189 (1.0.0)
    package44190 (1.0.0)
    package44191 (1.0.0)
    package44192 (1.0.0)
    package44193 (1.0.0)
    package44194 (1.0.0)
    package44195 (1.0.0)
    package44196 (1.0.0)
    package44197 (1.0.0)
    package44198 (1.0.0)
    package44199 (1.0.0)
    package44200 (1.0.0)
    package44201 (1.0.0)
    package44202 (1.0.0)
    package44203 (1.0.0)
    package44204 (1.0.0)
    package44205 (1.0.0)
    package44206 (1.0.0)
    package44207 (1.0.0)
    package44208 (1.0.0)
    package44209 (1.0.0)
    package44210 (1.0.0)
    package44211 (1.0.0)
    package44212 (1.0.0)
    package44213 (1.0.0)
    package44214 (1.0.0)
    package44215 (1.0.0)
    package44216 (1.0.0)
    package44217 (1.0.0)
    package44218 (1.0.0)
    package44219 (1.0.0)
    package44220 (1.0.0)
    package44221 (1.0.0)
    package44222 (1.0.0)
    package44223 (1.0.0)
    package44224 (1.0.0)
    package44225 (1.0.0)
    package44226 (1.0.0)
    package44227 (1.0.0)
    package44228 (1.0.0)
    package44229 (1.0.0)
    package44230 (1.0.0)
    package44231 (1.0.0)
    package44232 (1.0.0)
    package44233 (1.0.0)
    package44234 (1.0.0)
    package44235 (1.0.0)
    package44236 (1.0.0)
    package44237 (1.0.0)
    package44238 (1.0.0)
    package44239 (1.0.0)
    package44240 (1.0.0)
    package44241 (1.0.0)
    package44242 (1.0.0)
    package44243 (1.0.0)
    package44244 (1.0.0)
    package44245 (1.0.0)
    package44246 (1.0.0)
    package44247 (1.0.0)
    package44248 (1.0.0)
    package44249 (1.0.0)
    package44250 (1.0.0)
    package44251 (1.0.0)
    package44252 (1.0.0)
    package44253 (1.0.0)
    package44254 (1.0.0)
    package44255 (1.0.0)
    package44256 (1.0.0)
    package44257 (1.0.0)
    package44258 (1.0.0)
    package44259 (1.0.0)
    package44260 (1.0.0)
    package44261 (1.0.0)
    package44262 (1.0.0)
    package44263 (1.0.0)
    package44264 (1.0.0)
    package44265 (1.0.0)
    package44266 (1.0.0)
    package44267 (1.0.0)
    package44268 (1.0.0)
    package44269 (1.0.0)
    package44270 (1.0.0)
    package44271 (1.0.0)
    package44272 (1.0.0)
    package44273 (1.0.0)
    package44274 (1.0.0)
    package44275 (1.0.0)
    package44276 (1.0.0)
    package44277 (1.0.0)
    package44278 (1.0.0)
    package44279 (1.0.0)
    package44280 (1.0.0)
    package44281 (1.0.0)
    package44282 (1.0.0)
    package44283 (1.0.0)
    package44284 (1.0.0)
    package44285 (1.0.0)
    package44286 (1.0.0)
    package44287 (1.0.0)
    package44288 (1.0.0)
    package44289 (1.0.0)
    package44290 (1.0.0)
    package44291 (1.0.0)
    package44292 (1.0.0)
    package44293 (1.0.0)
    package44294 (1.0.0)
    package44295 (1.0.0)
    package44296 (1.0.0)
    package44297 (1.0.0)
    package44298 (1.0.0)
    package44299 (1.0.0)
    package44300 (1.0.0)
    package44301 (1.0.0)
    package44302 (1.0.0)
    package44303 (1.0.0)
    package44304 (1.0.0)
    package44305 (1.0.0)
    package44306 (1.0.0)
    package44307 (1.0.0)
    package44308 (1.0.0)
    package44309 (1.0.0)
    package44310 (1.0.0)
    package44311 (1.0.0)
    package44312 (1.0.0)
    package44313 (1.0.0)
    package44314 (1.0.0)
    package44315 (1.0.0)
    package44316 (1.0.0)
    package44317 (1.0.0)
    package44318 (1.0.0)
    package44319 (1.0.0)
    package44320 (1.0.0)
    package44321 (1.0.0)
    package44322 (1.0.0)
    package44323 (1.0.0)
    package44324 (1.0.0)
    package44325 (1.0.0)
    package44326 (1.0.0)
    package44327 (1.0.0)
    package44328 (1.0.0)
    package44329 (1.0.0)
    package44330 (1.0.0)
    package44331 (1.0.0)
    package44332 (1.0.0)
    package44333 (1.0.0)
    package44334 (1.0.0)
    package44335 (1.0.0)
    package44336 (1.0.0)
    package44337 (1.0.0)
    package44338 (1.0.0)
    package44339 (1.0.0)
    package44340 (1.0.0)
    package44341 (1.0.0)
    package44342 (1.0.0)
    package44343 (1.0.0)
    package44344 (1.0.0)
    package44345 (1.0.0)
    package44346 (1.0.0)
    package44347 (1.0.0)
    package44348 (1.0.0)
    package44349 (1.0.0)
    package44350 (1.0.0)
    package44351 (1.0.0)
    package44352 (1.0.0)
    package44353 (1.0.0)
    package44354 (1.0.0)
    package44355 (1.0.0)
    package44356 (1.0.0)
    package44357 (1.0.0)
    package44358 (1.0.0)
    package44359 (1.0.0)
    package44360 (1.0.0)
    package44361 (1.0.0)
    package44362 (1.0.0)
    package44363 (1.0.0)
    package44364 (1.0.0)
    package44365 (1.0.0)
    package44366 (1.0.0)
    package44367 (1.0.0)
    package44368 (1.0.0)
    package44369 (1.0.0)
    package44370 (1.0.0)
    package44371 (1.0.0)
    package44372 (1.0.0)
    package44373 (1.0.0)
    package44374 (1.0.0)
    package44375 (1.0.0)
    package44376 (1.0.0)
    package44377 (1.0.0)
    package44378 (1.0.0)
    package44379 (1.0.0)
    package44380 (1.0.0)
    package44381 (1.0.0)
    package44382 (1.0.0)
    package44383 (1.0.0)
    package44384 (1.0.0)
    package44385 (1.0.0)
    package44386 (1.0.0)
    package44387 (1.0.0)
    package44388 (1.0.0)
    package44389 (1.0.0)
    package44390 (1.0.0)
    package44391 (1.0.0)
    package44392 (1.0.0)
    package44393 (1.0.0)
    package44394 (1.0.0)
    package44395 (1.0.0)
    package44396 (1.0.0)
    package44397 (1.0.0)
    package44398 (1.0.0)
    package44399 (1.0.0)
    package44400 (1.0.0)
    package44401 (1.0.0)
    package44402 (1.0.0)
    package44403 (1.0.0)
    package44404 (1.0.0)
    package44405 (1.0.0)
    package44406 (1.0.0)
    package44407 (1.0.0)
    package44408 (1.0.0)
    package44409 (1.0.0)
    package44410 (1.0.0)
    package44411 (1.0.0)
    package44412 (1.0.0)
    package44413 (1.0.0)
    package44414 (1.0.0)
    package44415 (1.0.0)
    package44416 (1.0.0)
    package44417 (1.0.0)
    package44418 (1.0.0)
    package44419 (1.0.0)
    package44420 (1.0.0)
    package44421 (1.0.0)
    package44422 (1.0.0)
    package44423 (1.0.0)
    package44424 (1.0.0)
    package44425 (1.0.0)
    package44426 (1.0.0)
    package44427 (1.0.0)
    package44428 (1.0.0)
    package44429 (1.0.0)
    package44430 (1.0.0)
    package44431 (1.0.0)
    package44432 (1.0.0)
    package44433 (1.0.0)
    package44434 (1.0.0)
    package44435 (1.0.0)
    package44436 (1.0.0)
    package44437 (1.0.0)
    package44438 (1.0.0)
    package44439 (1.0.0)
    package44440 (1.0.0)
    package44441 (1.0.0)
    package44442 (1.0.0)
    package44443 (1.0.0)
    package44444 (1.0.0)
    package44445 (1.0.0)
    package44446 (1.0.0)
    package44447 (1.0.0)
    package44448 (1.0.0)
    package44449 (1.0.0)
    package44450 (1.0.0)
    package44451 (1.0.0)
    package44452 (1.0.0)
    package44453 (1.0.0)
    package44454 (1.0.0)
    package44455 (1.0.0)
    package44456 (1.0.0)
    package44457 (1.0.0)
    package44458 (1.0.0)
    package44459 (1.0.0)
    package44460 (1.0.0)
    package44461 (1.0.0)
    package44462 (1.0.0)
    package44463 (1.0.0)
    package44464 (1.0.0)
    package44465 (1.0.0)
    package44466 (1.0.0)
    package44467 (1.0.0)
    package44468 (1.0.0)
    package44469 (1.0.0)
    package44470 (1.0.0)
    package44471 (1.0.0)
    package44472 (1.0.0)
    package44473 (1.0.0)
    package44474 (1.0.0)
    package44475 (1.0.0)
    package44476 (1.0.0)
    package44477 (1.0.0)
    package44478 (1.0.0)
    package44479 (1.0.0)
    package44480 (1.0.0)
    package44481 (1.0.0)
    package44482 (1.0.0)
    package44483 (1.0.0)
    package44484 (1.0.0)
    package44485 (1.0.0)
    package44486 (1.0.0)
    package44487 (1.0.0)
    package44488 (1.0.0)
    package44489 (1.0.0)
    package44490 (1.0.0)
    package44491 (1.0.0)
    package44492 (1.0.0)
    package44493 (1.0.0)
    package44494 (1.0.0)
    package44495 (1.0.0)
    package44496 (1.0.0)
    package44497 (1.0.0)
    package44498 (1.0.0)
    package44499 (1.0.0)
    package44500 (1.0.0)
    package44501 (1.0.0)
    package44502 (1.0.0)
    package44503 (1.0.0)
    package44504 (1.0.0)
    package44505 (1.0.0)
    package44506 (1.0.0)
    package44507 (1.0.0)
    package44508 (1.0.0)
    package44509 (1.0.0)
    package44510 (1.0.0)
    package44511 (1.0.0)
    package44512 (1.0.0)
    package44513 (1.0.0)
    package44514 (1.0.0)
    package44515 (1.0.0)
    package44516 (1.0.0)
    package44517 (1.0.0)
    package44518 (1.0.0)
    package44519 (1.0.0)
    package44520 (1.0.0)
    package44521 (1.0.0)
    package44522 (1.0.0)
    package44523 (1.0.0)
    package44524 (1.0.0)
    package44525 (1.0.0)
    package44526 (1.0.0)
    package44527 (1.0.0)
    package44528 (1.0.0)
    package44529 (1.0.0)
    package44530 (1.0.0)
    package44531 (1.0.0)
    package44532 (1.0.0)
    package44533 (1.0.0)
    package44534 (1.0.0)
    package44535 (1.0.0)
    package44536 (1.0.0)
    package44537 (1.0.0)
    package44538 (1.0.0)
    package44539 (1.0.0)
    package44540 (1.0.0)
    package44541 (1.0.0)
    package44542 (1.0.0)
    package44543 (1.0.0)
    package44544 (1.0.0)
    package44545 (1.0.0)
    package44546 (1.0.0)
    package44547 (1.0.0)
    package44548 (1.0.0)
    package44549 (1.0.0)
    package44550 (1.0.0)
    package44551 (1.0.0)
    package44552 (1.0.0)
    package44553 (1.0.0)
    package44554 (1.0.0)
    package44555 (1.0.0)
    package44556 (1.0.0)
    package44557 (1.0.0)
    package44558 (1.0.0)
    package44559 (1.0.0)
    package44560 (1.0.0)
    package44561 (1.0.0)
    package44562 (1.0.0)
    package44563 (1.0.0)
    package44564 (1.0.0)
    package44565 (1.0.0)
    package44566 (1.0.0)
    package44567 (1.0.0)
    package44568 (1.0.0)
    package44569 (1.0.0)
    package44570 (1.0.0)
    package44571 (1.0.0)
    package44572 (1.0.0)
    package44573 (1.0.0)
    package44574 (1.0.0)
    package44575 (1.0.0)
    package44576 (1.0.0)
    package44577 (1.0.0)
    package44578 (1.0.0)
    package44579 (1.0.0)
    package44580 (1.0.0)
    package44581 (1.0.0)
    package44582 (1.0.0)
    package44583 (1.0.0)
    package44584 (1.0.0)
    package44585 (1.0.0)
    package44586 (1.0.0)
    package44587 (1.0.0)
    package44588 (1.0.0)
    package44589 (1.0.0)
    package44590 (1.0.0)
    package44591 (1.0.0)
    package44592 (1.0.0)
    package44593 (1.0.0)
    package44594 (1.0.0)
    package44595 (1.0.0)
    package44596 (1.0.0)
    package44597 (1.0.0)
    package44598 (1.0.0)
    package44599 (1.0.0)
    package44600 (1.0.0)
    package44601 (1.0.0)
    package44602 (1.0.0)
    package44603 (1.0.0)
    package44604 (1.0.0)
    package44605 (1.0.0)
    package44606 (1.0.0)
    package44607 (1.0.0)
    package44608 (1.0.0)
    package44609 (1.0.0)
    package44610 (1.0.0)
    package44611 (1.0.0)
    package44612 (1.0.0)
    package44613 (1.0.0)
    package44614 (1.0.0)
    package44615 (1.0.0)
    package44616 (1.0.0)
    package44617 (1.0.0)
    package44618 (1.0.0)
    package44619 (1.0.0)
    package44620 (1.0.0)
    package44621 (1.0.0)
    package44622 (1.0.0)
    package44623 (1.0.0)
    package44624 (1.0.0)
    package44625 (1.0.0)
    package44626 (1.0.0)
    package44627 (1.0.0)
    package44628 (1.0.0)
    package44629 (1.0.0)
    package44630 (1.0.0)
    package44631 (1.0.0)
    package44632 (1.0.0)
    package44633 (1.0.0)
    package44634 (1.0.0)
    package44635 (1.0.0)
    package44636 (1.0.0)
    package44637 (1.0.0)
    package44638 (1.0.0)
    package44639 (1.0.0)
    package44640 (1.0.0)
    package44641 (1.0.0)
    package44642 (1.0.0)
    package44643 (1.0.0)
    package44644 (1.0.0)
    package44645 (1.0.0)
    package44646 (1.0.0)
    package44647 (1.0.0)
    package44648 (1.0.0)
    package44649 (1.0.0)
    package44650 (1.0.0)
    package44651 (1.0.0)
    package44652 (1.0.0)
    package44653 (1.0.0)
    package44654 (1.0.0)
    package44655 (1.0.0)
    package44656 (1.0.0)
    package44657 (1.0.0)
    package44658 (1.0.0)
    package44659 (1.0.0)
    package44660 (1.0.0)
    package44661 (1.0.0)
    package44662 (1.0.0)
    package44663 (1.0.0)
    package44664 (1.0.0)
    package44665 (1.0.0)
    package44666 (1.0.0)
    package44667 (1.0.0)
    package44668 (1.0.0)
    package44669 (1.0.0)
    package44670 (1.0.0)
    package44671 (1.0.0)
    package44672 (1.0.0)
    package44673 (1.0.0)
    package44674 (1.0.0)
    package44675 (1.0.0)
    package44676 (1.0.0)
    package44677 (1.0.0)
    package44678 (1.0.0)
    package44679 (1.0.0)
    package44680 (1.0.0)
    package44681 (1.0.0)
    package44682 (1.0.0)
    package44683 (1.0.0)
    package44684 (1.0.0)
    package44685 (1.0.0)
    package44686 (1.0.0)
    package44687 (1.0.0)
    package44688 (1.0.0)
    package44689 (1.0.0)
    package44690 (1.0.0)
    package44691 (1.0.0)
    package44692 (1.0.0)
    package44693 (1.0.0)
    package44694 (1.0.0)
    package44695 (1.0.0)
    package44696 (1.0.0)
    package44697 (1.0.0)
    package44698 (1.0.0)
    package44699 (1.0.0)
    package44700 (1.0.0)
    package44701 (1.0.0)
    package44702 (1.0.0)
    package44703 (1.0.0)
    package44704 (1.0.0)
    package44705 (1.0.0)
    package44706 (1.0.0)
    package44707 (1.0.0)
    package44708 (1.0.0)
    package44709 (1.0.0)
    package44710 (1.0.0)
    package44711 (1.0.0)
    package44712 (1.0.0)
    package44713 (1.0.0)
    package44714 (1.0.0)
    package44715 (1.0.0)
    package44716 (1.0.0)
    package44717 (1.0.0)
    package44718 (1.0.0)
    package44719 (1.0.0)
    package44720 (1.0.0)
    package44721 (1.0.0)
    package44722 (1.0.0)
    package44723 (1.0.0)
    package44724 (1.0.0)
    package44725 (1.0.0)
    package44726 (1.0.0)
    package44727 (1.0.0)
    package44728 (1.0.0)
    package44729 (1.0.0)
    package44730 (1.0.0)
    package44731 (1.0.0)
    package44732 (1.0.0)
    package44733 (1.0.0)
    package44734 (1.0.0)
    package44735 (1.0.0)
    package44736 (1.0.0)
    package44737 (1.0.0)
    package44738 (1.0.0)
    package44739 (1.0.0)
    package44740 (1.0.0)
    package44741 (1.0.0)
    package44742 (1.0.0)
    package44743 (1.0.0)
    package44744 (1.0.0)
    package44745 (1.0.0)
    package44746 (1.0.0)
    package44747 (1.0.0)
    package44748 (1.0.0)
    package44749 (1.0.0)
    package44750 (1.0.0)
    package44751 (1.0.0)
    package44752 (1.0.0)
    package44753 (1.0.0)
    package44754 (1.0.0)
    package44755 (1.0.0)
    package44756 (1.0.0)
    package44757 (1.0.0)
    package44758 (1.0.0)
    package44759 (1.0.0)
    package44760 (1.0.0)
    package44761 (1.0.0)
    package44762 (1.0.0)
    package44763 (1.0.0)
    package44764 (1.0.0)
    package44765 (1.0.0)
    package44766 (1.0.0)
    package44767 (1.0.0)
    package44768 (1.0.0)
    package44769 (1.0.0)
    package44770 (1.0.0)
    package44771 (1.0.0)
    package44772 (1.0.0)
    package44773 (1.0.0)
    package44774 (1.0.0)
    package44775 (1.0.0)
    package44776 (1.0.0)
    package44777 (1.0.0)
    package44778 (1.0.0)
    package44779 (1.0.0)
    package44780 (1.0.0)
    package44781 (1.0.0)
    package44782 (1.0.0)
    package44783 (1.0.0)
    package44784 (1.0.0)
    package44785 (1.0.0)
    package44786 (1.0.0)
    package44787 (1.0.0)
    package44788 (1.0.0)
    package44789 (1.0.0)
    package44790 (1.0.0)
    package44791 (1.0.0)
    package44792 (1.0.0)
    package44793 (1.0.0)
    package44794 (1.0.0)
    package44795 (1.0.0)
    package44796 (1.0.0)
    package44797 (1.0.0)
    package44798 (1.0.0)
    package44799 (1.0.0)
    package44800 (1.0.0)
    package44801 (1.0.0)
    package44802 (1.0.0)
    package44803 (1.0.0)
    package44804 (1.0.0)
    package44805 (1.0.0)
    package44806 (1.0.0)
    package44807 (1.0.0)
    package44808 (1.0.0)
    package44809 (1.0.0)
    package44810 (1.0.0)
    package44811 (1.0.0)
    package44812 (1.0.0)
    package44813 (1.0.0)
    package44814 (1.0.0)
    package44815 (1.0.0)
    package44816 (1.0.0)
    package44817 (1.0.0)
    package44818 (1.0.0)
    package44819 (1.0.0)
    package44820 (1.0.0)
    package44821 (1.0.0)
    package44822 (1.0.0)
    package44823 (1.0.0)
    package44824 (1.0.0)
    package44825 (1.0.0)
    package44826 (1.0.0)
    package44827 (1.0.0)
    package44828 (1.0.0)
    package44829 (1.0.0)
    package44830 (1.0.0)
    package44831 (1.0.0)
    package44832 (1.0.0)
    package44833 (1.0.0)
    package44834 (1.0.0)
    package44835 (1.0.0)
    package44836 (1.0.0)
    package44837 (1.0.0)
    package44838 (1.0.0)
    package44839 (1.0.0)
    package44840 (1.0.0)
    package44841 (1.0.0)
    package44842 (1.0.0)
    package44843 (1.0.0)
    package44844 (1.0.0)
    package44845 (1.0.0)
    package44846 (1.0.0)
    package44847 (1.0.0)
    package44848 (1.0.0)
    package44849 (1.0.0)
    package44850 (1.0.0)
    package44851 (1.0.0)
    package44852 (1.0.0)
    package44853 (1.0.0)
    package44854 (1.0.0)
    package44855 (1.0.0)
    package44856 (1.0.0)
    package44857 (1.0.0)
    package44858 (1.0.0)
    package44859 (1.0.0)
    package44860 (1.0.0)
    package44861 (1.0.0)
    package44862 (1.0.0)
    package44863 (1.0.0)
    package44864 (1.0.0)
    package44865 (1.0.0)
    package44866 (1.0.0)
    package44867 (1.0.0)
    package44868 (1.0.0)
    package44869 (1.0.0)
    package44870 (1.0.0)
    package44871 (1.0.0)
    package44872 (1.0.0)
    package44873 (1.0.0)
    package44874 (1.0.0)
    package44875 (1.0.0)
    package44876 (1.0.0)
    package44877 (1.0.0)
    package44878 (1.0.0)
    package44879 (1.0.0)
    package44880 (1.0.0)
    package44881 (1.0.0)
    package44882 (1.0.0)
    package44883 (1.0.0)
    package44884 (1.0.0)
    package44885 (1.0.0)
    package44886 (1.0.0)
    package44887 (1.0.0)
    package44888 (1.0.0)
    package44889 (1.0.0)
    package44890 (1.0.0)
    package44891 (1.0.0)
    package44892 (1.0.0)
    package44893 (1.0.0)
    package44894 (1.0.0)
    package44895 (1.0.0)
    package44896 (1.0.0)
    package44897 (1.0.0)
    package44898 (1.0.0)
    package44899 (1.0.0)
    package44900 (1.0.0)
    package44901 (1.0.0)
    package44902 (1.0.0)
    package44903 (1.0.0)
    package44904 (1.0.0)
    package44905 (1.0.0)
    package44906 (1.0.0)
    package44907 (1.0.0)
    package44908 (1.0.0)
    package44909 (1.0.0)
    package44910 (1.0.0)
    package44911 (1.0.0)
    package44912 (1.0.0)
    package44913 (1.0.0)
    package44914 (1.0.0)
    package44915 (1.0.0)
    package44916 (1.0.0)
    package44917 (1.0.0)
    package44918 (1.0.0)
    package44919 (1.0.0)
    package44920 (1.0.0)
    package44921 (1.0.0)
    package44922 (1.0.0)
    package44923 (1.0.0)
    package44924 (1.0.0)
    package44925 (1.0.0)
    package44926 (1.0.0)
    package44927 (1.0.0)
    package44928 (1.0.0)
    package44929 (1.0.0)
    package44930 (1.0.0)
    package44931 (1.0.0)
    package44932 (1.0.0)
    package44933 (1.0.0)
    package44934 (1.0.0)
    package44935 (1.0.0)
    package44936 (1.0.0)
    package44937 (1.0.0)
    package44938 (1.0.0)
    package44939 (1.0.0)
    package44940 (1.0.0)
    package44941 (1.0.0)
    package44942 (1.0.0)
    package44943 (1.0.0)
    package44944 (1.0.0)
    package44945 (1.0.0)
    package44946 (1.0.0)
    package44947 (1.0.0)
    package44948 (1.0.0)
    package44949 (1.0.0)
    package44950 (1.0.0)
    package44951 (1.0.0)
    package44952 (1.0.0)
    package44953 (1.0.0)
    package44954 (1.0.0)
    package44955 (1.0.0)
    package44956 (1.0.0)
    package44957 (1.0.0)
    package44958 (1.0.0)
    package44959 (1.0.0)
    package44960 (1.0.0)
    package44961 (1.0.0)
    package44962 (1.0.0)
    package44963 (1.0.0)
    package44964 (1.0.0)
    package44965 (1.0.0)
    package44966 (1.0.0)
    package44967 (1.0.0)
    package44968 (1.0.0)
    package44969 (1.0.0)
    package44970 (1.0.0)
    package44971 (1.0.0)
    package44972 (1.0.0)
    package44973 (1.0.0)
    package44974 (1.0.0)
    package44975 (1.0.0)
    package44976 (1.0.0)
    package44977 (1.0.0)
    package44978 (1.0.0)
    package44979 (1.0.0)
    package44980 (1.0.0)
    package44981 (1.0.0)
    package44982 (1.0.0)
    package44983 (1.0.0)
    package44984 (1.0.0)
    package44985 (1.0.0)
    package44986 (1.0.0)
    package44987 (1.0.0)
    package44988 (1.0.0)
    package44989 (1.0.0)
    package44990 (1.0.0)
    package44991 (1.0.0)
    package44992 (1.0.0)
    package44993 (1.0.0)
    package44994 (1.0.0)
    package44995 (1.0.0)
    package44996 (1.0.0)
    package44997 (1.0.0)
    package44998 (1.0.0)
    package44999 (1.0.0)
    package45000 (1.0.0)
    package45001 (1.0.0)
    package45002 (1.0.0)
    package45003 (1.0.0)
    package45004 (1.0.0)
    package45005 (1.0.0)
    package45006 (1.0.0)
    package45007 (1.0.0)
    package45008 (1.0.0)
    package45009 (1.0.0)
    package45010 (1.0.0)
    package45011 (1.0.0)
    package45012 (1.0.0)
    package45013 (1.0.0)
    package45014 (1.0.0)
    package45015 (1.0.0)
    package45016 (1.0.0)
    package45017 (1.0.0)
    package45018 (1.0.0)
    package45019 (1.0.0)
    package45020 (1.0.0)
    package45021 (1.0.0)
    package45022 (1.0.0)
    package45023 (1.0.0)
    package45024 (1.0.0)
    package45025 (1.0.0)
    package45026 (1.0.0)
    package45027 (1.0.0)
    package45028 (1.0.0)
    package45029 (1.0.0)
    package45030 (1.0.0)
    package45031 (1.0.0)
    package45032 (1.0.0)
    package45033 (1.0.0)
    package45034 (1.0.0)
    package45035 (1.0.0)
    package45036 (1.0.0)
    package45037 (1.0.0)
    package45038 (1.0.0)
    package45039 (1.0.0)
    package45040 (1.0.0)
    package45041 (1.0.0)
    package45042 (1.0.0)
    package45043 (1.0.0)
    package45044 (1.0.0)
    package45045 (1.0.0)
    package45046 (1.0.0)
    package45047 (1.0.0)
    package45048 (1.0.0)
    package45049 (1.0.0)
    package45050 (1.0.0)
    package45051 (1.0.0)
    package45052 (1.0.0)
    package45053 (1.0.0)
    package45054 (1.0.0)
    package45055 (1.0.0)
    package45056 (1.0.0)
    package45057 (1.0.0)
    package45058 (1.0.0)
    package45059 (1.0.0)
    package45060 (1.0.0)
    package45061 (1.0.0)
    package45062 (1.0.0)
    package45063 (1.0.0)
    package45064 (1.0.0)
    package45065 (1.0.0)
    package45066 (1.0.0)
    package45067 (1.0.0)
    package45068 (1.0.0)
    package45069 (1.0.0)
    package45070 (1.0.0)
    package45071 (1.0.0)
    package45072 (1.0.0)
    package45073 (1.0.0)
    package45074 (1.0.0)
    package45075 (1.0.0)
    package45076 (1.0.0)
    package45077 (1.0.0)
    package45078 (1.0.0)
    package45079 (1.0.0)
    package45080 (1.0.0)
    package45081 (1.0.0)
    package45082 (1.0.0)
    package45083 (1.0.0)
    package45084 (1.0.0)
    package45085 (1.0.0)
    package45086 (1.0.0)
    package45087 (1.0.0)
    package45088 (1.0.0)
    package45089 (1.0.0)
    package45090 (1.0.0)
    package45091 (1.0.0)
    package45092 (1.0.0)
    package45093 (1.0.0)
    package45094 (1.0.0)
    package45095 (1.0.0)
    package45096 (1.0.0)
    package45097 (1.0.0)
    package45098 (1.0.0)
    package45099 (1.0.0)
    package45100 (1.0.0)
    package45101 (1.0.0)
    package45102 (1.0.0)
    package45103 (1.0.0)
    package45104 (1.0.0)
    package45105 (1.0.0)
    package45106 (1.0.0)
    package45107 (1.0.0)
    package45108 (1.0.0)
    package45109 (1.0.0)
    package45110 (1.0.0)
    package45111 (1.0.0)
    package45112 (1.0.0)
    package45113 (1.0.0)
    package45114 (1.0.0)
    package45115 (1.0.0)
    package45116 (1.0.0)
    package45117 (1.0.0)
    package45118 (1.0.0)
    package45119 (1.0.0)
    package45120 (1.0.0)
    package45121 (1.0.0)
    package45122 (1.0.0)
    package45123 (1.0.0)
    package45124 (1.0.0)
    package45125 (1.0.0)
    package45126 (1.0.0)
    package45127 (1.0.0)
    package45128 (1.0.0)
    package45129 (1.0.0)
    package45130 (1.0.0)
    package45131 (1.0.0)
    package45132 (1.0.0)
    package45133 (1.0.0)
    package45134 (1.0.0)
    package45135 (1.0.0)
    package45136 (1.0.0)
    package45137 (1.0.0)
    package45138 (1.0.0)
    package45139 (1.0.0)
    package45140 (1.0.0)
    package45141 (1.0.0)
    package45142 (1.0.0)
    package45143 (1.0.0)
    package45144 (1.0.0)
    package45145 (1.0.0)
    package45146 (1.0.0)
    package45147 (1.0.0)
    package45148 (1.0.0)
    package45149 (1.0.0)
    package45150 (1.0.0)
    package45151 (1.0.0)
    package45152 (1.0.0)
    package45153 (1.0.0)
    package45154 (1.0.0)
    package45155 (1.0.0)
    package45156 (1.0.0)
    package45157 (1.0.0)
    package45158 (1.0.0)
    package45159 (1.0.0)
    package45160 (1.0.0)
    package45161 (1.0.0)
    package45162 (1.0.0)
    package45163 (1.0.0)
    package45164 (1.0.0)
    package45165 (1.0.0)
    package45166 (1.0.0)
    package45167 (1.0.0)
    package45168 (1.0.0)
    package45169 (1.0.0)
    package45170 (1.0.0)
    package45171 (1.0.0)
    package45172 (1.0.0)
    package45173 (1.0.0)
    package45174 (1.0.0)
    package45175 (1.0.0)
    package45176 (1.0.0)
    package45177 (1.0.0)
    package45178 (1.0.0)
    package45179 (1.0.0)
    package45180 (1.0.0)
    package45181 (1.0.0)
    package45182 (1.0.0)
    package45183 (1.0.0)
    package45184 (1.0.0)
    package45185 (1.0.0)
    package45186 (1.0.0)
    package45187 (1.0.0)
    package45188 (1.0.0)
    package45189 (1.0.0)
    package45190 (1.0.0)
    package45191 (1.0.0)
    package45192 (1.0.0)
    package45193 (1.0.0)
    package45194 (1.0.0)
    package45195 (1.0.0)
    package45196 (1.0.0)
    package45197 (1.0.0)
    package45198 (1.0.0)
    package45199 (1.0.0)
    package45200 (1.0.0)
    package45201 (1.0.0)
    package45202 (1.0.0)
    package45203 (1.0.0)
    package45204 (1.0.0)
    package45205 (1.0.0)
    package45206 (1.0.0)
    package45207 (1.0.0)
    package45208 (1.0.0)
    package45209 (1.0.0)
    package45210 (1.0.0)
    package45211 (1.0.0)
    package45212 (1.0.0)
    package45213 (1.0.0)
    package45214 (1.0.0)
    package45215 (1.0.0)
    package45216 (1.0.0)
    package45217 (1.0.0)
    package45218 (1.0.0)
    package45219 (1.0.0)
    package45220 (1.0.0)
    package45221 (1.0.0)
    package45222 (1.0.0)
    package45223 (1.0.0)
    package45224 (1.0.0)
    package45225 (1.0.0)
    package45226 (1.0.0)
    package45227 (1.0.0)
    package45228 (1.0.0)
    package45229 (1.0.0)
    package45230 (1.0.0)
    package45231 (1.0.0)
    package45232 (1.0.0)
    package45233 (1.0.0)
    package45234 (1.0.0)
    package45235 (1.0.0)
    package45236 (1.0.0)
    package45237 (1.0.0)
    package45238 (1.0.0)
    package45239 (1.0.0)
    package45240 (1.0.0)
    package45241 (1.0.0)
    package45242 (1.0.0)
    package45243 (1.0.0)
    package45244 (1.0.0)
    package45245 (1.0.0)
    package45246 (1.0.0)
    package45247 (1.0.0)
    package45248 (1.0.0)
    package45249 (1.0.0)
    package45250 (1.0.0)
    package45251 (1.0.0)
    package45252 (1.0.0)
    package45253 (1.0.0)
    package45254 (1.0.0)
    package45255 (1.0.0)
    package45256 (1.0.0)
    package45257 (1.0.0)
    package45258 (1.0.0)
    package45259 (1.0.0)
    package45260 (1.0.0)
    package45261 (1.0.0)
    package45262 (1.0.0)
    package45263 (1.0.0)
    package45264 (1.0.0)
    package45265 (1.0.0)
    package45266 (1.0.0)
    package45267 (1.0.0)
    package45268 (1.0.0)
    package45269 (1.0.0)
    package45270 (1.0.0)
    package45271 (1.0.0)
    package45272 (1.0.0)
    package45273 (1.0.0)
    package45274 (1.0.0)
    package45275 (1.0.0)
    package45276 (1.0.0)
    package45277 (1.0.0)
    package45278 (1.0.0)
    package45279 (1.0.0)
    package45280 (1.0.0)
    package45281 (1.0.0)
    package45282 (1.0.0)
    package45283 (1.0.0)
    package45284 (1.0.0)
    package45285 (1.0.0)
    package45286 (1.0.0)
    package45287 (1.0.0)
    package45288 (1.0.0)
    package45289 (1.0.0)
    package45290 (1.0.0)
    package45291 (1.0.0)
    package45292 (1.0.0)
    package45293 (1.0.0)
    package45294 (1.0.0)
    package45295 (1.0.0)
    package45296 (1.0.0)
    package45297 (1.0.0)
    package45298 (1.0.0)
    package45299 (1.0.0)
    package45300 (1.0.0)
    package45301 (1.0.0)
    package45302 (1.0.0)
    package45303 (1.0.0)
    package45304 (1.0.0)
    package45305 (1.0.0)
    package45306 (1.0.0)
    package45307 (1.0.0)
    package45308 (1.0.0)
    package45309 (1.0.0)
    package45310 (1.0.0)
    package45311 (1.0.0)
    package45312 (1.0.0)
    package45313 (1.0.0)
    package45314 (1.0.0)
    package45315 (1.0.0)
    package45316 (1.0.0)
    package45317 (1.0.0)
    package45318 (1.0.0)
    package45319 (1.0.0)
    package45320 (1.0.0)
    package45321 (1.0.0)
    package45322 (1.0.0)
    package45323 (1.0.0)
    package45324 (1.0.0)
    package45325 (1.0.0)
    package45326 (1.0.0)
    package45327 (1.0.0)
    package45328 (1.0.0)
    package45329 (1.0.0)
    package45330 (1.0.0)
    package45331 (1.0.0)
    package45332 (1.0.0)
    package45333 (1.0.0)
    package45334 (1.0.0)
    package45335 (1.0.0)
    package45336 (1.0.0)
    package45337 (1.0.0)
    package45338 (1.0.0)
    package45339 (1.0.0)
    package45340 (1.0.0)
    package45341 (1.0.0)
    package45342 (1.0.0)
    package45343 (1.0.0)
    package45344 (1.0.0)
    package45345 (1.0.0)
    package45346 (1.0.0)
    package45347 (1.0.0)
    package45348 (1.0.0)
    package45349 (1.0.0)
    package45350 (1.0.0)
    package45351 (1.0.0)
    package45352 (1.0.0)
    package45353 (1.0.0)
    package45354 (1.0.0)
    package45355 (1.0.0)
    package45356 (1.0.0)
    package45357 (1.0.0)
    package45358 (1.0.0)
    package45359 (1.0.0)
    package45360 (1.0.0)
    package45361 (1.0.0)
    package45362 (1.0.0)
    package45363 (1.0.0)
    package45364 (1.0.0)
    package45365 (1.0.0)
    package45366 (1.0.0)
    package45367 (1.0.0)
    package45368 (1.0.0)
    package45369 (1.0.0)
    package45370 (1.0.0)
    package45371 (1.0.0)
    package45372 (1.0.0)
    package45373 (1.0.0)
    package45374 (1.0.0)
    package45375 (1.0.0)
    package45376 (1.0.0)
    package45377 (1.0.0)
    package45378 (1.0.0)
    package45379 (1.0.0)
    package45380 (1.0.0)
    package45381 (1.0.0)
    package45382 (1.0.0)
    package45383 (1.0.0)
    package45384 (1.0.0)
    package45385 (1.0.0)
    package45386 (1.0.0)
    package45387 (1.0.0)
    package45388 (1.0.0)
    package45389 (1.0.0)
    package45390 (1.0.0)
    package45391 (1.0.0)
    package45392 (1.0.0)
    package45393 (1.0.0)
    package45394 (1.0.0)
    package45395 (1.0.0)
    package45396 (1.0.0)
    package45397 (1.0.0)
    package45398 (1.0.0)
    package45399 (1.0.0)
    package45400 (1.0.0)
    package45401 (1.0.0)
    package45402 (1.0.0)
    package45403 (1.0.0)
    package45404 (1.0.0)
    package45405 (1.0.0)
    package45406 (1.0.0)
    package45407 (1.0.0)
    package45408 (1.0.0)
    package45409 (1.0.0)
    package45410 (1.0.0)
    package45411 (1.0.0)
    package45412 (1.0.0)
    package45413 (1.0.0)
    package45414 (1.0.0)
    package45415 (1.0.0)
    package45416 (1.0.0)
    package45417 (1.0.0)
    package45418 (1.0.0)
    package45419 (1.0.0)
    package45420 (1.0.0)
    package45421 (1.0.0)
    package45422 (1.0.0)
    package45423 (1.0.0)
    package45424 (1.0.0)
    package45425 (1.0.0)
    package45426 (1.0.0)
    package45427 (1.0.0)
    package45428 (1.0.0)
    package45429 (1.0.0)
    package45430 (1.0.0)
    package45431 (1.0.0)
    package45432 (1.0.0)
    package45433 (1.0.0)
    package45434 (1.0.0)
    package45435 (1.0.0)
    package45436 (1.0.0)
    package45437 (1.0.0)
    package45438 (1.0.0)
    package45439 (1.0.0)
    package45440 (1.0.0)
    package45441 (1.0.0)
    package45442 (1.0.0)
    package45443 (1.0.0)
    package45444 (1.0.0)
    package45445 (1.0.0)
    package45446 (1.0.0)
    package45447 (1.0.0)
    package45448 (1.0.0)
    package45449 (1.0.0)
    package45450 (1.0.0)
    package45451 (1.0.0)
    package45452 (1.0.0)
    package45453 (1.0.0)
    package45454 (1.0.0)
    package45455 (1.0.0)
    package45456 (1.0.0)
    package45457 (1.0.0)
    package45458 (1.0.0)
    package45459 (1.0.0)
    package45460 (1.0.0)
    package45461 (1.0.0)
    package45462 (1.0.0)
    package45463 (1.0.0)
    package45464 (1.0.0)
    package45465 (1.0.0)
    package45466 (1.0.0)
    package45467 (1.0.0)
    package45468 (1.0.0)
    package45469 (1.0.0)
    package45470 (1.0.0)
    package45471 (1.0.0)
    package45472 (1.0.0)
    package45473 (1.0.0)
    package45474 (1.0.0)
    package45475 (1.0.0)
    package45476 (1.0.0)
    package45477 (1.0.0)
    package45478 (1.0.0)
    package45479 (1.0.0)
    package45480 (1.0.0)
    package45481 (1.0.0)
    package45482 (1.0.0)
    package45483 (1.0.0)
    package45484 (1.0.0)
    package45485 (1.0.0)
    package45486 (1.0.0)
    package45487 (1.0.0)
    package45488 (1.0.0)
    package45489 (1.0.0)
    package45490 (1.0.0)
    package45491 (1.0.0)
    package45492 (1.0.0)
    package45493 (1.0.0)
    package45494 (1.0.0)
    package45495 (1.0.0)
    package45496 (1.0.0)
    package45497 (1.0.0)
    package45498 (1.0.0)
    package45499 (1.0.0)
    package45500 (1.0.0)
    package45501 (1.0.0)
    package45502 (1.0.0)
    package45503 (1.0.0)
    package45504 (1.0.0)
    package45505 (1.0.0)
    package45506 (1.0.0)
    package45507 (1.0.0)
    package45508 (1.0.0)
    package45509 (1.0.0)
    package45510 (1.0.0)
    package45511 (1.0.0)
    package45512 (1.0.0)
    package45513 (1.0.0)
    package45514 (1.0.0)
    package45515 (1.0.0)
    package45516 (1.0.0)
    package45517 (1.0.0)
    package45518 (1.0.0)
    package45519 (1.0.0)
    package45520 (1.0.0)
    package45521 (1.0.0)
    package45522 (1.0.0)
    package45523 (1.0.0)
    package45524 (1.0.0)
    package45525 (1.0.0)
    package45526 (1.0.0)
    package45527 (1.0.0)
    package45528 (1.0.0)
    package45529 (1.0.0)
    package45530 (1.0.0)
    package45531 (1.0.0)
    package45532 (1.0.0)
    package45533 (1.0.0)
    package45534 (1.0.0)
    package45535 (1.0.0)
    package45536 (1.0.0)
    package45537 (1.0.0)
    package45538 (1.0.0)
    package45539 (1.0.0)
    package45540 (1.0.0)
    package45541 (1.0.0)
    package45542 (1.0.0)
    package45543 (1.0.0)
    package45544 (1.0.0)
    package45545 (1.0.0)
    package45546 (1.0.0)
    package45547 (1.0.0)
    package45548 (1.0.0)
    package45549 (1.0.0)
    package45550 (1.0.0)
    package45551 (1.0.0)
    package45552 (1.0.0)
    package45553 (1.0.0)
    package45554 (1.0.0)
    package45555 (1.0.0)
    package45556 (1.0.0)
    package45557 (1.0.0)
    package45558 (1.0.0)
    package45559 (1.0.0)
    package45560 (1.0.0)
    package45561 (1.0.0)
    package45562 (1.0.0)
    package45563 (1.0.0)
    package45564 (1.0.0)
    package45565 (1.0.0)
    package45566 (1.0.0)
    package45567 (1.0.0)
    package45568 (1.0.0)
    package45569 (1.0.0)
    package45570 (1.0.0)
    package45571 (1.0.0)
    package45572 (1.0.0)
    package45573 (1.0.0)
    package45574 (1.0.0)
    package45575 (1.0.0)
    package45576 (1.0.0)
    package45577 (1.0.0)
    package45578 (1.0.0)
    package45579 (1.0.0)
    package45580 (1.0.0)
    package45581 (1.0.0)
    package45582 (1.0.0)
    package45583 (1.0.0)
    package45584 (1.0.0)
    package45585 (1.0.0)
    package45586 (1.0.0)
    package45587 (1.0.0)
    package45588 (1.0.0)
    package45589 (1.0.0)
    package45590 (1.0.0)
    package45591 (1.0.0)
    package45592 (1.0.0)
    package45593 (1.0.0)
    package45594 (1.0.0)
    package45595 (1.0.0)
    package45596 (1.0.0)
    package45597 (1.0.0)
    package45598 (1.0.0)
    package45599 (1.0.0)
    package45600 (1.0.0)
    package45601 (1.0.0)
    package45602 (1.0.0)
    package45603 (1.0.0)
    package45604 (1.0.0)
    package45605 (1.0.0)
    package45606 (1.0.0)
    package45607 (1.0.0)
    package45608 (1.0.0)
    package45609 (1.0.0)
    package45610 (1.0.0)
    package45611 (1.0.0)
    package45612 (1.0.0)
    package45613 (1.0.0)
    package45614 (1.0.0)
    package45615 (1.0.0)
    package45616 (1.0.0)
    package45617 (1.0.0)
    package45618 (1.0.0)
    package45619 (1.0.0)
    package45620 (1.0.0)
    package45621 (1.0.0)
    package45622 (1.0.0)
    package45623 (1.0.0)
    package45624 (1.0.0)
    package45625 (1.0.0)
    package45626 (1.0.0)
    package45627 (1.0.0)
    package45628 (1.0.0)
    package45629 (1.0.0)
    package45630 (1.0.0)
    package45631 (1.0.0)
    package45632 (1.0.0)
    package45633 (1.0.0)
    package45634 (1.0.0)
    package45635 (1.0.0)
    package45636 (1.0.0)
    package45637 (1.0.0)
    package45638 (1.0.0)
    package45639 (1.0.0)
    package45640 (1.0.0)
    package45641 (1.0.0)
    package45642 (1.0.0)
    package45643 (1.0.0)
    package45644 (1.0.0)
    package45645 (1.0.0)
    package45646 (1.0.0)
    package45647 (1.0.0)
    package45648 (1.0.0)
    package45649 (1.0.0)
    package45650 (1.0.0)
    package45651 (1.0.0)
    package45652 (1.0.0)
    package45653 (1.0.0)
    package45654 (1.0.0)
    package45655 (1.0.0)
    package45656 (1.0.0)
    package45657 (1.0.0)
    package45658 (1.0.0)
    package45659 (1.0.0)
    package45660 (1.0.0)
    package45661 (1.0.0)
    package45662 (1.0.0)
    package45663 (1.0.0)
    package45664 (1.0.0)
    package45665 (1.0.0)
    package45666 (1.0.0)
    package45667 (1.0.0)
    package45668 (1.0.0)
    package45669 (1.0.0)
    package45670 (1.0.0)
    package45671 (1.0.0)
    package45672 (1.0.0)
    package45673 (1.0.0)
    package45674 (1.0.0)
    package45675 (1.0.0)
    package45676 (1.0.0)
    package45677 (1.0.0)
    package45678 (1.0.0)
    package45679 (1.0.0)
    package45680 (1.0.0)
    package45681 (1.0.0)
    package45682 (1.0.0)
    package45683 (1.0.0)
    package45684 (1.0.0)
    package45685 (1.0.0)
    package45686 (1.0.0)
    package45687 (1.0.0)
    package45688 (1.0.0)
    package45689 (1.0.0)
    package45690 (1.0.0)
    package45691 (1.0.0)
    package45692 (1.0.0)
    package45693 (1.0.0)
    package45694 (1.0.0)
    package45695 (1.0.0)
    package45696 (1.0.0)
    package45697 (1.0.0)
    package45698 (1.0.0)
    package45699 (1.0.0)
    package45700 (1.0.0)
    package45701 (1.0.0)
    package45702 (1.0.0)
    package45703 (1.0.0)
    package45704 (1.0.0)
    package45705 (1.0.0)
    package45706 (1.0.0)
    package45707 (1.0.0)
    package45708 (1.0.0)
    package45709 (1.0.0)
    package45710 (1.0.0)
    package45711 (1.0.0)
    package45712 (1.0.0)
    package45713 (1.0.0)
    package45714 (1.0.0)
    package45715 (1.0.0)
    package45716 (1.0.0)
    package45717 (1.0.0)
    package45718 (1.0.0)
    package45719 (1.0.0)
    package45720 (1.0.0)
    package45721 (1.0.0)
    package45722 (1.0.0)
    package45723 (1.0.0)
    package45724 (1.0.0)
    package45725 (1.0.0)
    package45726 (1.0.0)
    package45727 (1.0.0)
    package45728 (1.0.0)
    package45729 (1.0.0)
    package45730 (1.0.0)
    package45731 (1.0.0)
    package45732 (1.0.0)
    package45733 (1.0.0)
    package45734 (1.0.0)
    package45735 (1.0.0)
    package45736 (1.0.0)
    package45737 (1.0.0)
    package45738 (1.0.0)
    package45739 (1.0.0)
    package45740 (1.0.0)
    package45741 (1.0.0)
    package45742 (1.0.0)
    package45743 (1.0.0)
    package45744 (1.0.0)
    package45745 (1.0.0)
    package45746 (1.0.0)
    package45747 (1.0.0)
    package45748 (1.0.0)
    package45749 (1.0.0)
    package45750 (1.0.0)
    package45751 (1.0.0)
    package45752 (1.0.0)
    package45753 (1.0.0)
    package45754 (1.0.0)
    package45755 (1.0.0)
    package45756 (1.0.0)
    package45757 (1.0.0)
    package45758 (1.0.0)
    package45759 (1.0.0)
    package45760 (1.0.0)
    package45761 (1.0.0)
    package45762 (1.0.0)
    package45763 (1.0.0)
    package45764 (1.0.0)
    package45765 (1.0.0)
    package45766 (1.0.0)
    package45767 (1.0.0)
    package45768 (1.0.0)
    package45769 (1.0.0)
    package45770 (1.0.0)
    package45771 (1.0.0)
    package45772 (1.0.0)
    package45773 (1.0.0)
    package45774 (1.0.0)
    package45775 (1.0.0)
    package45776 (1.0.0)
    package45777 (1.0.0)
    package45778 (1.0.0)
    package45779 (1.0.0)
    package45780 (1.0.0)
    package45781 (1.0.0)
    package45782 (1.0.0)
    package45783 (1.0.0)
    package45784 (1.0.0)
    package45785 (1.0.0)
    package45786 (1.0.0)
    package45787 (1.0.0)
    package45788 (1.0.0)
    package45789 (1.0.0)
    package45790 (1.0.0)
    package45791 (1.0.0)
    package45792 (1.0.0)
    package45793 (1.0.0)
    package45794 (1.0.0)
    package45795 (1.0.0)
    package45796 (1.0.0)
    package45797 (1.0.0)
    package45798 (1.0.0)
    package45799 (1.0.0)
    package45800 (1.0.0)
    package45801 (1.0.0)
    package45802 (1.0.0)
    package45803 (1.0.0)
    package45804 (1.0.0)
    package45805 (1.0.0)
    package45806 (1.0.0)
    package45807 (1.0.0)
    package45808 (1.0.0)
    package45809 (1.0.0)
    package45810 (1.0.0)
    package45811 (1.0.0)
    package45812 (1.0.0)
    package45813 (1.0.0)
    package45814 (1.0.0)
    package45815 (1.0.0)
    package45816 (1.0.0)
    package45817 (1.0.0)
    package45818 (1.0.0)
    package45819 (1.0.0)
    package45820 (1.0.0)
    package45821 (1.0.0)
    package45822 (1.0.0)
    package45823 (1.0.0)
    package45824 (1.0.0)
    package45825 (1.0.0)
    package45826 (1.0.0)
    package45827 (1.0.0)
    package45828 (1.0.0)
    package45829 (1.0.0)
    package45830 (1.0.0)
    package45831 (1.0.0)
    package45832 (1.0.0)
    package45833 (1.0.0)
    package45834 (1.0.0)
    package45835 (1.0.0)
    package45836 (1.0.0)
    package45837 (1.0.0)
    package45838 (1.0.0)
    package45839 (1.0.0)
    package45840 (1.0.0)
    package45841 (1.0.0)
    package45842 (1.0.0)
    package45843 (1.0.0)
    package45844 (1.0.0)
    package45845 (1.0.0)
    package45846 (1.0.0)
    package45847 (1.0.0)
    package45848 (1.0.0)
    package45849 (1.0.0)
    package45850 (1.0.0)
    package45851 (1.0.0)
    package45852 (1.0.0)
    package45853 (1.0.0)
    package45854 (1.0.0)
    package45855 (1.0.0)
    package45856 (1.0.0)
    package45857 (1.0.0)
    package45858 (1.0.0)
    package45859 (1.0.0)
    package45860 (1.0.0)
    package45861 (1.0.0)
    package45862 (1.0.0)
    package45863 (1.0.0)
    package45864 (1.0.0)
    package45865 (1.0.0)
    package45866 (1.0.0)
    package45867 (1.0.0)
    package45868 (1.0.0)
    package45869 (1.0.0)
    package45870 (1.0.0)
    package45871 (1.0.0)
    package45872 (1.0.0)
    package45873 (1.0.0)
    package45874 (1.0.0)
    package45875 (1.0.0)
    package45876 (1.0.0)
    package45877 (1.0.0)
    package45878 (1.0.0)
    package45879 (1.0.0)
    package45880 (1.0.0)
    package45881 (1.0.0)
    package45882 (1.0.0)
    package45883 (1.0.0)
    package45884 (1.0.0)
    package45885 (1.0.0)
    package45886 (1.0.0)
    package45887 (1.0.0)
    package45888 (1.0.0)
    package45889 (1.0.0)
    package45890 (1.0.0)
    package45891 (1.0.0)
    package45892 (1.0.0)
    package45893 (1.0.0)
    package45894 (1.0.0)
    package45895 (1.0.0)
    package45896 (1.0.0)
    package45897 (1.0.0)
    package45898 (1.0.0)
    package45899 (1.0.0)
    package45900 (1.0.0)
    package45901 (1.0.0)
    package45902 (1.0.0)
    package45903 (1.0.0)
    package45904 (1.0.0)
    package45905 (1.0.0)
    package45906 (1.0.0)
    package45907 (1.0.0)
    package45908 (1.0.0)
    package45909 (1.0.0)
    package45910 (1.0.0)
    package45911 (1.0.0)
    package45912 (1.0.0)
    package45913 (1.0.0)
    package45914 (1.0.0)
    package45915 (1.0.0)
    package45916 (1.0.0)
    package45917 (1.0.0)
    package45918 (1.0.0)
    package45919 (1.0.0)
    package45920 (1.0.0)
    package45921 (1.0.0)
    package45922 (1.0.0)
    package45923 (1.0.0)
    package45924 (1.0.0)
    package45925 (1.0.0)
    package45926 (1.0.0)
    package45927 (1.0.0)
    package45928 (1.0.0)
    package45929 (1.0.0)
    package45930 (1.0.0)
    package45931 (1.0.0)
    package45932 (1.0.0)
    package45933 (1.0.0)
    package45934 (1.0.0)
    package45935 (1.0.0)
    package45936 (1.0.0)
    package45937 (1.0.0)
    package45938 (1.0.0)
    package45939 (1.0.0)
    package45940 (1.0.0)
    package45941 (1.0.0)
    package45942 (1.0.0)
    package45943 (1.0.0)
    package45944 (1.0.0)
    package45945 (1.0.0)
    package45946 (1.0.0)
    package45947 (1.0.0)
    package45948 (1.0.0)
    package45949 (1.0.0)
    package45950 (1.0.0)
    package45951 (1.0.0)
    package45952 (1.0.0)
    package45953 (1.0.0)
    package45954 (1.0.0)
    package45955 (1.0.0)
    package45956 (1.0.0)
    package45957 (1.0.0)
    package45958 (1.0.0)
    package45959 (1.0.0)
    package45960 (1.0.0)
    package45961 (1.0.0)
    package45962 (1.0.0)
    package45963 (1.0.0)
    package45964 (1.0.0)
    package45965 (1.0.0)
    package45966 (1.0.0)
    package45967 (1.0.0)
    package45968 (1.0.0)
    package45969 (1.0.0)
    package45970 (1.0.0)
    package45971 (1.0.0)
    package45972 (1.0.0)
    package45973 (1.0.0)
    package45974 (1.0.0)
    package45975 (1.0.0)
    package45976 (1.0.0)
    package45977 (1.0.0)
    package45978 (1.0.0)
    package45979 (1.0.0)
    package45980 (1.0.0)
    package45981 (1.0.0)
    package45982 (1.0.0)
    package45983 (1.0.0)
    package45984 (1.0.0)
    package45985 (1.0.0)
    package45986 (1.0.0)
    package45987 (1.0.0)
    package45988 (1.0.0)
    package45989 (1.0.0)
    package45990 (1.0.0)
    package45991 (1.0.0)
    package45992 (1.0.0)
    package45993 (1.0.0)
    package45994 (1.0.0)
    package45995 (1.0.0)
    package45996 (1.0.0)
    package45997 (1.0.0)
    package45998 (1.0.0)
    package45999 (1.0.0)
    package46000 (1.0.0)
    package46001 (1.0.0)
    package46002 (1.0.0)
    package46003 (1.0.0)
    package46004 (1.0.0)
    package46005 (1.0.0)
    package46006 (1.0.0)
    package46007 (1.0.0)
    package46008 (1.0.0)
    package46009 (1.0.0)
    package46010 (1.0.0)
    package46011 (1.0.0)
    package46012 (1.0.0)
    package46013 (1.0.0)
    package46014 (1.0.0)
    package46015 (1.0.0)
    package46016 (1.0.0)
    package46017 (1.0.0)
    package46018 (1.0.0)
    package46019 (1.0.0)
    package46020 (1.0.0)
    package46021 (1.0.0)
    package46022 (1.0.0)
    package46023 (1.0.0)
    package46024 (1.0.0)
    package46025 (1.0.0)
    package46026 (1.0.0)
    package46027 (1.0.0)
    package46028 (1.0.0)
    package46029 (1.0.0)
    package46030 (1.0.0)
    package46031 (1.0.0)
    package46032 (1.0.0)
    package46033 (1.0.0)
    package46034 (1.0.0)
    package46035 (1.0.0)
    package46036 (1.0.0)
    package46037 (1.0.0)
    package46038 (1.0.0)
    package46039 (1.0.0)
    package46040 (1.0.0)
    package46041 (1.0.0)
    package46042 (1.0.0)
    package46043 (1.0.0)
    package46044 (1.0.0)
    package46045 (1.0.0)
    package46046 (1.0.0)
    package46047 (1.0.0)
    package46048 (1.0.0)
    package46049 (1.0.0)
    package46050 (1.0.0)
    package46051 (1.0.0)
    package46052 (1.0.0)
    package46053 (1.0.0)
    package46054 (1.0.0)
    package46055 (1.0.0)
    package46056 (1.0.0)
    package46057 (1.0.0)
    package46058 (1.0.0)
    package46059 (1.0.0)
    package46060 (1.0.0)
    package46061 (1.0.0)
    package46062 (1.0.0)
    package46063 (1.0.0)
    package46064 (1.0.0)
    package46065 (1.0.0)
    package46066 (1.0.0)
    package46067 (1.0.0)
    package46068 (1.0.0)
    package46069 (1.0.0)
    package46070 (1.0.0)
    package46071 (1.0.0)
    package46072 (1.0.0)
    package46073 (1.0.0)
    package46074 (1.0.0)
    package46075 (1.0.0)
    package46076 (1.0.0)
    package46077 (1.0.0)
    package46078 (1.0.0)
    package46079 (1.0.0)
    package46080 (1.0.0)
    package46081 (1.0.0)
    package46082 (1.0.0)
    package46083 (1.0.0)
    package46084 (1.0.0)
    package46085 (1.0.0)
    package46086 (1.0.0)
    package46087 (1.0.0)
    package46088 (1.0.0)
    package46089 (1.0.0)
    package46090 (1.0.0)
    package46091 (1.0.0)
    package46092 (1.0.0)
    package46093 (1.0.0)
    package46094 (1.0.0)
    package46095 (1.0.0)
    package46096 (1.0.0)
    package46097 (1.0.0)
    package46098 (1.0.0)
    package46099 (1.0.0)
    package46100 (1.0.0)
    package46101 (1.0.0)
    package46102 (1.0.0)
    package46103 (1.0.0)
    package46104 (1.0.0)
    package46105 (1.0.0)
    package46106 (1.0.0)
    package46107 (1.0.0)
    package46108 (1.0.0)
    package46109 (1.0.0)
    package46110 (1.0.0)
    package46111 (1.0.0)
    package46112 (1.0.0)
    package46113 (1.0.0)
    package46114 (1.0.0)
    package46115 (1.0.0)
    package46116 (1.0.0)
    package46117 (1.0.0)
    package46118 (1.0.0)
    package46119 (1.0.0)
    package46120 (1.0.0)
    package46121 (1.0.0)
    package46122 (1.0.0)
    package46123 (1.0.0)
    package46124 (1.0.0)
    package46125 (1.0.0)
    package46126 (1.0.0)
    package46127 (1.0.0)
    package46128 (1.0.0)
    package46129 (1.0.0)
    package46130 (1.0.0)
    package46131 (1.0.0)
    package46132 (1.0.0)
    package46133 (1.0.0)
    package46134 (1.0.0)
    package46135 (1.0.0)
    package46136 (1.0.0)
    package46137 (1.0.0)
    package46138 (1.0.0)
    package46139 (1.0.0)
    package46140 (1.0.0)
    package46141 (1.0.0)
    package46142 (1.0.0)
    package46143 (1.0.0)
    package46144 (1.0.0)
    package46145 (1.0.0)
    package46146 (1.0.0)
    package46147 (1.0.0)
    package46148 (1.0.0)
    package46149 (1.0.0)
    package46150 (1.0.0)
    package46151 (1.0.0)
    package46152 (1.0.0)
    package46153 (1.0.0)
    package46154 (1.0.0)
    package46155 (1.0.0)
    package46156 (1.0.0)
    package46157 (1.0.0)
    package46158 (1.0.0)
    package46159 (1.0.0)
    package46160 (1.0.0)
    package46161 (1.0.0)
    package46162 (1.0.0)
    package46163 (1.0.0)
    package46164 (1.0.0)
    package46165 (1.0.0)
    package46166 (1.0.0)
    package46167 (1.0.0)
    package46168 (1.0.0)
    package46169 (1.0.0)
    package46170 (1.0.0)
    package46171 (1.0.0)
    package46172 (1.0.0)
    package46173 (1.0.0)
    package46174 (1.0.0)
    package46175 (1.0.0)
    package46176 (1.0.0)
    package46177 (1.0.0)
    package46178 (1.0.0)
    package46179 (1.0.0)
    package46180 (1.0.0)
    package46181 (1.0.0)
    package46182 (1.0.0)
    package46183 (1.0.0)
    package46184 (1.0.0)
    package46185 (1.0.0)
    package46186 (1.0.0)
    package46187 (1.0.0)
    package46188 (1.0.0)
    package46189 (1.0.0)
    package46190 (1.0.0)
    package46191 (1.0.0)
    package46192 (1.0.0)
    package46193 (1.0.0)
    package46194 (1.0.0)
    package46195 (1.0.0)
    package46196 (1.0.0)
    package46197 (1.0.0)
    package46198 (1.0.0)
    package46199 (1.0.0)
    package46200 (1.0.0)
    package46201 (1.0.0)
    package46202 (1.0.0)
    package46203 (1.0.0)
    package46204 (1.0.0)
    package46205 (1.0.0)
    package46206 (1.0.0)
    package46207 (1.0.0)
    package46208 (1.0.0)
    package46209 (1.0.0)
    package46210 (1.0.0)
    package46211 (1.0.0)
    package46212 (1.0.0)
    package46213 (1.0.0)
    package46214 (1.0.0)
    package46215 (1.0.0)
    package46216 (1.0.0)
    package46217 (1.0.0)
    package46218 (1.0.0)
    package46219 (1.0.0)
    package46220 (1.0.0)
    package46221 (1.0.0)
    package46222 (1.0.0)
    package46223 (1.0.0)
    package46224 (1.0.0)
    package46225 (1.0.0)
    package46226 (1.0.0)
    package46227 (1.0.0)
    package46228 (1.0.0)
    package46229 (1.0.0)
    package46230 (1.0.0)
    package46231 (1.0.0)
    package46232 (1.0.0)
    package46233 (1.0.0)
    package46234 (1.0.0)
    package46235 (1.0.0)
    package46236 (1.0.0)
    package46237 (1.0.0)
    package46238 (1.0.0)
    package46239 (1.0.0)
    package46240 (1.0.0)
    package46241 (1.0.0)
    package46242 (1.0.0)
    package46243 (1.0.0)
    package46244 (1.0.0)
    package46245 (1.0.0)
    package46246 (1.0.0)
    package46247 (1.0.0)
    package46248 (1.0.0)
    package46249 (1.0.0)
    package46250 (1.0.0)
    package46251 (1.0.0)
    package46252 (1.0.0)
    package46253 (1.0.0)
    package46254 (1.0.0)
    package46255 (1.0.0)
    package46256 (1.0.0)
    package46257 (1.0.0)
    package46258 (1.0.0)
    package46259 (1.0.0)
    package46260 (1.0.0)
    package46261 (1.0.0)
    package46262 (1.0.0)
    package46263 (1.0.0)
    package46264 (1.0.0)
    package46265 (1.0.0)
    package46266 (1.0.0)
    package46267 (1.0.0)
    package46268 (1.0.0)
    package46269 (1.0.0)
    package46270 (1.0.0)
    package46271 (1.0.0)
    package46272 (1.0.0)
    package46273 (1.0.0)
    package46274 (1.0.0)
    package46275 (1.0.0)
    package46276 (1.0.0)
    package46277 (1.0.0)
    package46278 (1.0.0)
    package46279 (1.0.0)
    package46280 (1.0.0)
    package46281 (1.0.0)
    package46282 (1.0.0)
    package46283 (1.0.0)
    package46284 (1.0.0)
    package46285 (1.0.0)
    package46286 (1.0.0)
    package46287 (1.0.0)
    package46288 (1.0.0)
    package46289 (1.0.0)
    package46290 (1.0.0)
    package46291 (1.0.0)
    package46292 (1.0.0)
    package46293 (1.0.0)
    package46294 (1.0.0)
    package46295 (1.0.0)
    package46296 (1.0.0)
    package46297 (1.0.0)
    package46298 (1.0.0)
    package46299 (1.0.0)
    package46300 (1.0.0)
    package46301 (1.0.0)
    package46302 (1.0.0)
    package46303 (1.0.0)
    package46304 (1.0.0)
    package46305 (1.0.0)
    package46306 (1.0.0)
    package46307 (1.0.0)
    package46308 (1.0.0)
    package46309 (1.0.0)
    package46310 (1.0.0)
    package46311 (1.0.0)
    package46312 (1.0.0)
    package46313 (1.0.0)
    package46314 (1.0.0)
    package46315 (1.0.0)
    package46316 (1.0.0)
    package46317 (1.0.0)
    package46318 (1.0.0)
    package46319 (1.0.0)
    package46320 (1.0.0)
    package46321 (1.0.0)
    package46322 (1.0.0)
    package46323 (1.0.0)
    package46324 (1.0.0)
    package46325 (1.0.0)
    package46326 (1.0.0)
    package46327 (1.0.0)
    package46328 (1.0.0)
    package46329 (1.0.0)
    package46330 (1.0.0)
    package46331 (1.0.0)
    package46332 (1.0.0)
    package46333 (1.0.0)
    package46334 (1.0.0)
    package46335 (1.0.0)
    package46336 (1.0.0)
    package46337 (1.0.0)
    package46338 (1.0.0)
    package46339 (1.0.0)
    package46340 (1.0.0)
    package46341 (1.0.0)
    package46342 (1.0.0)
    package46343 (1.0.0)
    package46344 (1.0.0)
    package46345 (1.0.0)
    package46346 (1.0.0)
    package46347 (1.0.0)
    package46348 (1.0.0)
    package46349 (1.0.0)
    package46350 (1.0.0)
    package46351 (1.0.0)
    package46352 (1.0.0)
    package46353 (1.0.0)
    package46354 (1.0.0)
    package46355 (1.0.0)
    package46356 (1.0.0)
    package46357 (1.0.0)
    package46358 (1.0.0)
    package46359 (1.0.0)
    package46360 (1.0.0)
    package46361 (1.0.0)
    package46362 (1.0.0)
    package46363 (1.0.0)
    package46364 (1.0.0)
    package46365 (1.0.0)
    package46366 (1.0.0)
    package46367 (1.0.0)
    package46368 (1.0.0)
    package46369 (1.0.0)
    package46370 (1.0.0)
    package46371 (1.0.0)
    package46372 (1.0.0)
    package46373 (1.0.0)
    package46374 (1.0.0)
    package46375 (1.0.0)
    package46376 (1.0.0)
    package46377 (1.0.0)
    package46378 (1.0.0)
    package46379 (1.0.0)
    package46380 (1.0.0)
    package46381 (1.0.0)
    package46382 (1.0.0)
    package46383 (1.0.0)
    package46384 (1.0.0)
    package46385 (1.0.0)
    package46386 (1.0.0)
    package46387 (1.0.0)
    package46388 (1.0.0)
    package46389 (1.0.0)
    package46390 (1.0.0)
    package46391 (1.0.0)
    package46392 (1.0.0)
    package46393 (1.0.0)
    package46394 (1.0.0)
    package46395 (1.0.0)
    package46396 (1.0.0)
    package46397 (1.0.0)
    package46398 (1.0.0)
    package46399 (1.0.0)
    package46400 (1.0.0)
    package46401 (1.0.0)
    package46402 (1.0.0)
    package46403 (1.0.0)
    package46404 (1.0.0)
    package46405 (1.0.0)
    package46406 (1.0.0)
    package46407 (1.0.0)
    package46408 (1.0.0)
    package46409 (1.0.0)
    package46410 (1.0.0)
    package46411 (1.0.0)
    package46412 (1.0.0)
    package46413 (1.0.0)
    package46414 (1.0.0)
    package46415 (1.0.0)
    package46416 (1.0.0)
    package46417 (1.0.0)
    package46418 (1.0.0)
    package46419 (1.0.0)
    package46420 (1.0.0)
    package46421 (1.0.0)
    package46422 (1.0.0)
    package46423 (1.0.0)
    package46424 (1.0.0)
    package46425 (1.0.0)
    package46426 (1.0.0)
    package46427 (1.0.0)
    package46428 (1.0.0)
    package46429 (1.0.0)
    package46430 (1.0.0)
    package46431 (1.0.0)
    package46432 (1.0.0)
    package46433 (1.0.0)
    package46434 (1.0.0)
    package46435 (1.0.0)
    package46436 (1.0.0)
    package46437 (1.0.0)
    package46438 (1.0.0)
    package46439 (1.0.0)
    package46440 (1.0.0)
    package46441 (1.0.0)
    package46442 (1.0.0)
    package46443 (1.0.0)
    package46444 (1.0.0)
    package46445 (1.0.0)
    package46446 (1.0.0)
    package46447 (1.0.0)
    package46448 (1.0.0)
    package46449 (1.0.0)
    package46450 (1.0.0)
    package46451 (1.0.0)
    package46452 (1.0.0)
    package46453 (1.0.0)
    package46454 (1.0.0)
    package46455 (1.0.0)
    package46456 (1.0.0)
    package46457 (1.0.0)
    package46458 (1.0.0)
    package46459 (1.0.0)
    package46460 (1.0.0)
    package46461 (1.0.0)
    package46462 (1.0.0)
    package46463 (1.0.0)
    package46464 (1.0.0)
    package46465 (1.0.0)
    package46466 (1.0.0)
    package46467 (1.0.0)
    package46468 (1.0.0)
    package46469 (1.0.0)
    package46470 (1.0.0)
    package46471 (1.0.0)
    package46472 (1.0.0)
    package46473 (1.0.0)
    package46474 (1.0.0)
    package46475 (1.0.0)
    package46476 (1.0.0)
    package46477 (1.0.0)
    package46478 (1.0.0)
    package46479 (1.0.0)
    package46480 (1.0.0)
    package46481 (1.0.0)
    package46482 (1.0.0)
    package46483 (1.0.0)
    package46484 (1.0.0)
    package46485 (1.0.0)
    package46486 (1.0.0)
    package46487 (1.0.0)
    package46488 (1.0.0)
    package46489 (1.0.0)
    package46490 (1.0.0)
    package46491 (1.0.0)
    package46492 (1.0.0)
    package46493 (1.0.0)
    package46494 (1.0.0)
    package46495 (1.0.0)
    package46496 (1.0.0)
    package46497 (1.0.0)
    package46498 (1.0.0)
    package46499 (1.0.0)
    package46500 (1.0.0)
    package46501 (1.0.0)
    package46502 (1.0.0)
    package46503 (1.0.0)
    package46504 (1.0.0)
    package46505 (1.0.0)
    package46506 (1.0.0)
    package46507 (1.0.0)
    package46508 (1.0.0)
    package46509 (1.0.0)
    package46510 (1.0.0)
    package46511 (1.0.0)
    package46512 (1.0.0)
    package46513 (1.0.0)
    package46514 (1.0.0)
    package46515 (1.0.0)
    package46516 (1.0.0)
    package46517 (1.0.0)
    package46518 (1.0.0)
    package46519 (1.0.0)
    package46520 (1.0.0)
    package46521 (1.0.0)
    package46522 (1.0.0)
    package46523 (1.0.0)
    package46524 (1.0.0)
    package46525 (1.0.0)
    package46526 (1.0.0)
    package46527 (1.0.0)
    package46528 (1.0.0)
    package46529 (1.0.0)
    package46530 (1.0.0)
    package46531 (1.0.0)
    package46532 (1.0.0)
    package46533 (1.0.0)
    package46534 (1.0.0)
    package46535 (1.0.0)
    package46536 (1.0.0)
    package46537 (1.0.0)
    package46538 (1.0.0)
    package46539 (1.0.0)
    package46540 (1.0.0)
    package46541 (1.0.0)
    package46542 (1.0.0)
    package46543 (1.0.0)
    package46544 (1.0.0)
    package46545 (1.0.0)
    package46546 (1.0.0)
    package46547 (1.0.0)
    package46548 (1.0.0)
    package46549 (1.0.0)
    package46550 (1.0.0)
    package46551 (1.0.0)
    package46552 (1.0.0)
    package46553 (1.0.0)
    package46554 (1.0.0)
    package46555 (1.0.0)
    package46556 (1.0.0)
    package46557 (1.0.0)
    package46558 (1.0.0)
    package46559 (1.0.0)
    package46560 (1.0.0)
    package46561 (1.0.0)
    package46562 (1.0.0)
    package46563 (1.0.0)
    package46564 (1.0.0)
    package46565 (1.0.0)
    package46566 (1.0.0)
    package46567 (1.0.0)
    package46568 (1.0.0)
    package46569 (1.0.0)
    package46570 (1.0.0)
    package46571 (1.0.0)
    package46572 (1.0.0)
    package46573 (1.0.0)
    package46574 (1.0.0)
    package46575 (1.0.0)
    package46576 (1.0.0)
    package46577 (1.0.0)
    package46578 (1.0.0)
    package46579 (1.0.0)
    package46580 (1.0.0)
    package46581 (1.0.0)
    package46582 (1.0.0)
    package46583 (1.0.0)
    package46584 (1.0.0)
    package46585 (1.0.0)
    package46586 (1.0.0)
    package46587 (1.0.0)
    package46588 (1.0.0)
    package46589 (1.0.0)
    package46590 (1.0.0)
    package46591 (1.0.0)
    package46592 (1.0.0)
    package46593 (1.0.0)
    package46594 (1.0.0)
    package46595 (1.0.0)
    package46596 (1.0.0)
    package46597 (1.0.0)
    package46598 (1.0.0)
    package46599 (1.0.0)
    package46600 (1.0.0)
    package46601 (1.0.0)
    package46602 (1.0.0)
    package46603 (1.0.0)
    package46604 (1.0.0)
    package46605 (1.0.0)
    package46606 (1.0.0)
    package46607 (1.0.0)
    package46608 (1.0.0)
    package46609 (1.0.0)
    package46610 (1.0.0)
    package46611 (1.0.0)
    package46612 (1.0.0)
    package46613 (1.0.0)
    package46614 (1.0.0)
    package46615 (1.0.0)
    package46616 (1.0.0)
    package46617 (1.0.0)
    package46618 (1.0.0)
    package46619 (1.0.0)
    package46620 (1.0.0)
    package46621 (1.0.0)
    package46622 (1.0.0)
    package46623 (1.0.0)
    package46624 (1.0.0)
    package46625 (1.0.0)
    package46626 (1.0.0)
    package46627 (1.0.0)
    package46628 (1.0.0)
    package46629 (1.0.0)
    package46630 (1.0.0)
    package46631 (1.0.0)
    package46632 (1.0.0)
    package46633 (1.0.0)
    package46634 (1.0.0)
    package46635 (1.0.0)
    package46636 (1.0.0)
    package46637 (1.0.0)
    package46638 (1.0.0)
    package46639 (1.0.0)
    package46640 (1.0.0)
    package46641 (1.0.0)
    package46642 (1.0.0)
    package46643 (1.0.0)
    package46644 (1.0.0)
    package46645 (1.0.0)
    package46646 (1.0.0)
    package46647 (1.0.0)
    package46648 (1.0.0)
    package46649 (1.0.0)
    package46650 (1.0.0)
    package46651 (1.0.0)
    package46652 (1.0.0)
    package46653 (1.0.0)
    package46654 (1.0.0)
    package46655 (1.0.0)
    package46656 (1.0.0)
    package46657 (1.0.0)
    package46658 (1.0.0)
    package46659 (1.0.0)
    package46660 (1.0.0)
    package46661 (1.0.0)
    package46662 (1.0.0)
    package46663 (1.0.0)
    package46664 (1.0.0)
    package46665 (1.0.0)
    package46666 (1.0.0)
    package46667 (1.0.0)
    package46668 (1.0.0)
    package46669 (1.0.0)
    package46670 (1.0.0)
    package46671 (1.0.0)
    package46672 (1.0.0)
    package46673 (1.0.0)
    package46674 (1.0.0)
    package46675 (1.0.0)
    package46676 (1.0.0)
    package46677 (1.0.0)
    package46678 (1.0.0)
    package46679 (1.0.0)
    package46680 (1.0.0)
    package46681 (1.0.0)
    package46682 (1.0.0)
    package46683 (1.0.0)
    package46684 (1.0.0)
    package46685 (1.0.0)
    package46686 (1.0.0)
    package46687 (1.0.0)
    package46688 (1.0.0)
    package46689 (1.0.0)
    package46690 (1.0.0)
    package46691 (1.0.0)
    package46692 (1.0.0)
    package46693 (1.0.0)
    package46694 (1.0.0)
    package46695 (1.0.0)
    package46696 (1.0.0)
    package46697 (1.0.0)
    package46698 (1.0.0)
    package46699 (1.0.0)
    package46700 (1.0.0)
    package46701 (1.0.0)
    package46702 (1.0.0)
    package46703 (1.0.0)
    package46704 (1.0.0)
    package46705 (1.0.0)
    package46706 (1.0.0)
    package46707 (1.0.0)
    package46708 (1.0.0)
    package46709 (1.0.0)
    package46710 (1.0.0)
    package46711 (1.0.0)
    package46712 (1.0.0)
    package46713 (1.0.0)
    package46714 (1.0.0)
    package46715 (1.0.0)
    package46716 (1.0.0)
    package46717 (1.0.0)
    package46718 (1.0.0)
    package46719 (1.0.0)
    package46720 (1.0.0)
    package46721 (1.0.0)
    package46722 (1.0.0)
    package46723 (1.0.0)
    package46724 (1.0.0)
    package46725 (1.0.0)
    package46726 (1.0.0)
    package46727 (1.0.0)
    package46728 (1.0.0)
    package46729 (1.0.0)
    package46730 (1.0.0)
    package46731 (1.0.0)
    package46732 (1.0.0)
    package46733 (1.0.0)
    package46734 (1.0.0)
    package46735 (1.0.0)
    package46736 (1.0.0)
    package46737 (1.0.0)
    package46738 (1.0.0)
    package46739 (1.0.0)
    package46740 (1.0.0)
    package46741 (1.0.0)
    package46742 (1.0.0)
    package46743 (1.0.0)
    package46744 (1.0.0)
    package46745 (1.0.0)
    package46746 (1.0.0)
    package46747 (1.0.0)
    package46748 (1.0.0)
    package46749 (1.0.0)
    package46750 (1.0.0)
    package46751 (1.0.0)
    package46752 (1.0.0)
    package46753 (1.0.0)
    package46754 (1.0.0)
    package46755 (1.0.0)
    package46756 (1.0.0)
    package46757 (1.0.0)
    package46758 (1.0.0)
    package46759 (1.0.0)
    package46760 (1.0.0)
    package46761 (1.0.0)
    package46762 (1.0.0)
    package46763 (1.0.0)
    package46764 (1.0.0)
    package46765 (1.0.0)
    package46766 (1.0.0)
    package46767 (1.0.0)
    package46768 (1.0.0)
    package46769 (1.0.0)
    package46770 (1.0.0)
    package46771 (1.0.0)
    package46772 (1.0.0)
    package46773 (1.0.0)
    package46774 (1.0.0)
    package46775 (1.0.0)
    package46776 (1.0.0)
    package46777 (1.0.0)
    package46778 (1.0.0)
    package46779 (1.0.0)
    package46780 (1.0.0)
    package46781 (1.0.0)
    package46782 (1.0.0)
    package46783 (1.0.0)
    package46784 (1.0.0)
    package46785 (1.0.0)
    package46786 (1.0.0)
    package46787 (1.0.0)
    package46788 (1.0.0)
    package46789 (1.0.0)
    package46790 (1.0.0)
    package46791 (1.0.0)
    package46792 (1.0.0)
    package46793 (1.0.0)
    package46794 (1.0.0)
    package46795 (1.0.0)
    package46796 (1.0.0)
    package46797 (1.0.0)
    package46798 (1.0.0)
    package46799 (1.0.0)
    package46800 (1.0.0)
    package46801 (1.0.0)
    package46802 (1.0.0)
    package46803 (1.0.0)
    package46804 (1.0.0)
    package46805 (1.0.0)
    package46806 (1.0.0)
    package46807 (1.0.0)
    package46808 (1.0.0)
    package46809 (1.0.0)
    package46810 (1.0.0)
    package46811 (1.0.0)
    package46812 (1.0.0)
    package46813 (1.0.0)
    package46814 (1.0.0)
    package46815 (1.0.0)
    package46816 (1.0.0)
    package46817 (1.0.0)
    package46818 (1.0.0)
    package46819 (1.0.0)
    package46820 (1.0.0)
    package46821 (1.0.0)
    package46822 (1.0.0)
    package46823 (1.0.0)
    package46824 (1.0.0)
    package46825 (1.0.0)
    package46826 (1.0.0)
    package46827 (1.0.0)
    package46828 (1.0.0)
    package46829 (1.0.0)
    package46830 (1.0.0)
    package46831 (1.0.0)
    package46832 (1.0.0)
    package46833 (1.0.0)
    package46834 (1.0.0)
    package46835 (1.0.0)
    package46836 (1.0.0)
    package46837 (1.0.0)
    package46838 (1.0.0)
    package46839 (1.0.0)
    package46840 (1.0.0)
    package46841 (1.0.0)
    package46842 (1.0.0)
    package46843 (1.0.0)
    package46844 (1.0.0)
    package46845 (1.0.0)
    package46846 (1.0.0)
    package46847 (1.0.0)
    package46848 (1.0.0)
    package46849 (1.0.0)
    package46850 (1.0.0)
    package46851 (1.0.0)
    package46852 (1.0.0)
    package46853 (1.0.0)
    package46854 (1.0.0)
    package46855 (1.0.0)
    package46856 (1.0.0)
    package46857 (1.0.0)
    package46858 (1.0.0)
    package46859 (1.0.0)
    package46860 (1.0.0)
    package46861 (1.0.0)
    package46862 (1.0.0)
    package46863 (1.0.0)
    package46864 (1.0.0)
    package46865 (1.0.0)
    package46866 (1.0.0)
    package46867 (1.0.0)
    package46868 (1.0.0)
    package46869 (1.0.0)
    package46870 (1.0.0)
    package46871 (1.0.0)
    package46872 (1.0.0)
    package46873 (1.0.0)
    package46874 (1.0.0)
    package46875 (1.0.0)
    package46876 (1.0.0)
    package46877 (1.0.0)
    package46878 (1.0.0)
    package46879 (1.0.0)
    package46880 (1.0.0)
    package46881 (1.0.0)
    package46882 (1.0.0)
    package46883 (1.0.0)
    package46884 (1.0.0)
    package46885 (1.0.0)
    package46886 (1.0.0)
    package46887 (1.0.0)
    package46888 (1.0.0)
    package46889 (1.0.0)
    package46890 (1.0.0)
    package46891 (1.0.0)
    package46892 (1.0.0)
    package46893 (1.0.0)
    package46894 (1.0.0)
    package46895 (1.0.0)
    package46896 (1.0.0)
    package46897 (1.0.0)
    package46898 (1.0.0)
    package46899 (1.0.0)
    package46900 (1.0.0)
    package46901 (1.0.0)
    package46902 (1.0.0)
    package46903 (1.0.0)
    package46904 (1.0.0)
    package46905 (1.0.0)
    package46906 (1.0.0)
    package46907 (1.0.0)
    package46908 (1.0.0)
    package46909 (1.0.0)
    package46910 (1.0.0)
    package46911 (1.0.0)
    package46912 (1.0.0)
    package46913 (1.0.0)
    package46914 (1.0.0)
    package46915 (1.0.0)
    package46916 (1.0.0)
    package46917 (1.0.0)
    package46918 (1.0.0)
    package46919 (1.0.0)
    package46920 (1.0.0)
    package46921 (1.0.0)
    package46922 (1.0.0)
    package46923 (1.0.0)
    package46924 (1.0.0)
    package46925 (1.0.0)
    package46926 (1.0.0)
    package46927 (1.0.0)
    package46928 (1.0.0)
    package46929 (1.0.0)
    package46930 (1.0.0)
    package46931 (1.0.0)
    package46932 (1.0.0)
    package46933 (1.0.0)
    package46934 (1.0.0)
    package46935 (1.0.0)
    package46936 (1.0.0)
    package46937 (1.0.0)
    package46938 (1.0.0)
    package46939 (1.0.0)
    package46940 (1.0.0)
    package46941 (1.0.0)
    package46942 (1.0.0)
    package46943 (1.0.0)
    package46944 (1.0.0)
    package46945 (1.0.0)
    package46946 (1.0.0)
    package46947 (1.0.0)
    package46948 (1.0.0)
    package46949 (1.0.0)
    package46950 (1.0.0)
    package46951 (1.0.0)
    package46952 (1.0.0)
    package46953 (1.0.0)
    package46954 (1.0.0)
    package46955 (1.0.0)
    package46956 (1.0.0)
    package46957 (1.0.0)
    package46958 (1.0.0)
    package46959 (1.0.0)
    package46960 (1.0.0)
    package46961 (1.0.0)
    package46962 (1.0.0)
    package46963 (1.0.0)
    package46964 (1.0.0)
    package46965 (1.0.0)
    package46966 (1.0.0)
    package46967 (1.0.0)
    package46968 (1.0.0)
    package46969 (1.0.0)
    package46970 (1.0.0)
    package46971 (1.0.0)
    package46972 (1.0.0)
    package46973 (1.0.0)
    package46974 (1.0.0)
    package46975 (1.0.0)
    package46976 (1.0.0)
    package46977 (1.0.0)
    package46978 (1.0.0)
    package46979 (1.0.0)
    package46980 (1.0.0)
    package46981 (1.0.0)
    package46982 (1.0.0)
    package46983 (1.0.0)
    package46984 (1.0.0)
    package46985 (1.0.0)
    package46986 (1.0.0)
    package46987 (1.0.0)
    package46988 (1.0.0)
    package46989 (1.0.0)
    package46990 (1.0.0)
    package46991 (1.0.0)
    package46992 (1.0.0)
    package46993 (1.0.0)
    package46994 (1.0.0)
    package46995 (1.0.0)
    package46996 (1.0.0)
    package46997 (1.0.0)
    package46998 (1.0.0)
    package46999 (1.0.0)
    package47000 (1.0.0)
    package47001 (1.0.0)
    package47002 (1.0.0)
    package47003 (1.0.0)
    package47004 (1.0.0)
    package47005 (1.0.0)
    package47006 (1.0.0)
    package47007 (1.0.0)
    package47008 (1.0.0)
    package47009 (1.0.0)
    package47010 (1.0.0)
    package47011 (1.0.0)
    package47012 (1.0.0)
    package47013 (1.0.0)
    package47014 (1.0.0)
    package47015 (1.0.0)
    package47016 (1.0.0)
    package47017 (1.0.0)
    package47018 (1.0.0)
    package47019 (1.0.0)
    package47020 (1.0.0)
    package47021 (1.0.0)
    package47022 (1.0.0)
    package47023 (1.0.0)
    package47024 (1.0.0)
    package47025 (1.0.0)
    package47026 (1.0.0)
    package47027 (1.0.0)
    package47028 (1.0.0)
    package47029 (1.0.0)
    package47030 (1.0.0)
    package47031 (1.0.0)
    package47032 (1.0.0)
    package47033 (1.0.0)
    package47034 (1.0.0)
    package47035 (1.0.0)
    package47036 (1.0.0)
    package47037 (1.0.0)
    package47038 (1.0.0)
    package47039 (1.0.0)
    package47040 (1.0.0)
    package47041 (1.0.0)
    package47042 (1.0.0)
    package47043 (1.0.0)
    package47044 (1.0.0)
    package47045 (1.0.0)
    package47046 (1.0.0)
    package47047 (1.0.0)
    package47048 (1.0.0)
    package47049 (1.0.0)
    package47050 (1.0.0)
    package47051 (1.0.0)
    package47052 (1.0.0)
    package47053 (1.0.0)
    package47054 (1.0.0)
    package47055 (1.0.0)
    package47056 (1.0.0)
    package47057 (1.0.0)
    package47058 (1.0.0)
    package47059 (1.0.0)
    package47060 (1.0.0)
    package47061 (1.0.0)
    package47062 (1.0.0)
    package47063 (1.0.0)
    package47064 (1.0.0)
    package47065 (1.0.0)
    package47066 (1.0.0)
    package47067 (1.0.0)
    package47068 (1.0.0)
    package47069 (1.0.0)
    package47070 (1.0.0)
    package47071 (1.0.0)
    package47072 (1.0.0)
    package47073 (1.0.0)
    package47074 (1.0.0)
    package47075 (1.0.0)
    package47076 (1.0.0)
    package47077 (1.0.0)
    package47078 (1.0.0)
    package47079 (1.0.0)
    package47080 (1.0.0)
    package47081 (1.0.0)
    package47082 (1.0.0)
    package47083 (1.0.0)
    package47084 (1.0.0)
    package47085 (1.0.0)
    package47086 (1.0.0)
    package47087 (1.0.0)
    package47088 (1.0.0)
    package47089 (1.0.0)
    package47090 (1.0.0)
    package47091 (1.0.0)
    package47092 (1.0.0)
    package47093 (1.0.0)
    package47094 (1.0.0)
    package47095 (1.0.0)
    package47096 (1.0.0)
    package47097 (1.0.0)
    package47098 (1.0.0)
    package47099 (1.0.0)
    package47100 (1.0.0)
    package47101 (1.0.0)
    package47102 (1.0.0)
    package47103 (1.0.0)
    package47104 (1.0.0)
    package47105 (1.0.0)
    package47106 (1.0.0)
    package47107 (1.0.0)
    package47108 (1.0.0)
    package47109 (1.0.0)
    package47110 (1.0.0)
    package47111 (1.0.0)
    package47112 (1.0.0)
    package47113 (1.0.0)
    package47114 (1.0.0)
    package47115 (1.0.0)
    package47116 (1.0.0)
    package47117 (1.0.0)
    package47118 (1.0.0)
    package47119 (1.0.0)
    package47120 (1.0.0)
    package47121 (1.0.0)
    package47122 (1.0.0)
    package47123 (1.0.0)
    package47124 (1.0.0)
    package47125 (1.0.0)
    package47126 (1.0.0)
    package47127 (1.0.0)
    package47128 (1.0.0)
    package47129 (1.0.0)
    package47130 (1.0.0)
    package47131 (1.0.0)
    package47132 (1.0.0)
    package47133 (1.0.0)
    package47134 (1.0.0)
    package47135 (1.0.0)
    package47136 (1.0.0)
    package47137 (1.0.0)
    package47138 (1.0.0)
    package47139 (1.0.0)
    package47140 (1.0.0)
    package47141 (1.0.0)
    package47142 (1.0.0)
    package47143 (1.0.0)
    package47144 (1.0.0)
    package47145 (1.0.0)
    package47146 (1.0.0)
    package47147 (1.0.0)
    package47148 (1.0.0)
    package47149 (1.0.0)
    package47150 (1.0.0)
    package47151 (1.0.0)
    package47152 (1.0.0)
    package47153 (1.0.0)
    package47154 (1.0.0)
    package47155 (1.0.0)
    package47156 (1.0.0)
    package47157 (1.0.0)
    package47158 (1.0.0)
    package47159 (1.0.0)
    package47160 (1.0.0)
    package47161 (1.0.0)
    package47162 (1.0.0)
    package47163 (1.0.0)
    package47164 (1.0.0)
    package47165 (1.0.0)
    package47166 (1.0.0)
    package47167 (1.0.0)
    package47168 (1.0.0)
    package47169 (1.0.0)
    package47170 (1.0.0)
    package47171 (1.0.0)
    package47172 (1.0.0)
    package47173 (1.0.0)
    package47174 (1.0.0)
    package47175 (1.0.0)
    package47176 (1.0.0)
    package47177 (1.0.0)
    package47178 (1.0.0)
    package47179 (1.0.0)
    package47180 (1.0.0)
    package47181 (1.0.0)
    package47182 (1.0.0)
    package47183 (1.0.0)
    package47184 (1.0.0)
    package47185 (1.0.0)
    package47186 (1.0.0)
    package47187 (1.0.0)
    package47188 (1.0.0)
    package47189 (1.0.0)
    package47190 (1.0.0)
    package47191 (1.0.0)
    package47192 (1.0.0)
    package47193 (1.0.0)
    package47194 (1.0.0)
    package47195 (1.0.0)
    package47196 (1.0.0)
    package47197 (1.0.0)
    package47198 (1.0.0)
    package47199 (1.0.0)
    package47200 (1.0.0)
    package47201 (1.0.0)
    package47202 (1.0.0)
    package47203 (1.0.0)
    package47204 (1.0.0)
    package47205 (1.0.0)
    package47206 (1.0.0)
    package47207 (1.0.0)
    package47208 (1.0.0)
    package47209 (1.0.0)
    package47210 (1.0.0)
    package47211 (1.0.0)
    package47212 (1.0.0)
    package47213 (1.0.0)
    package47214 (1.0.0)
    package47215 (1.0.0)
    package47216 (1.0.0)
    package47217 (1.0.0)
    package47218 (1.0.0)
    package47219 (1.0.0)
    package47220 (1.0.0)
    package47221 (1.0.0)
    package47222 (1.0.0)
    package47223 (1.0.0)
    package47224 (1.0.0)
    package47225 (1.0.0)
    package47226 (1.0.0)
    package47227 (1.0.0)
    package47228 (1.0.0)
    package47229 (1.0.0)
    package47230 (1.0.0)
    package47231 (1.0.0)
    package47232 (1.0.0)
    package47233 (1.0.0)
    package47234 (1.0.0)
    package47235 (1.0.0)
    package47236 (1.0.0)
    package47237 (1.0.0)
    package47238 (1.0.0)
    package47239 (1.0.0)
    package47240 (1.0.0)
    package47241 (1.0.0)
    package47242 (1.0.0)
    package47243 (1.0.0)
    package47244 (1.0.0)
    package47245 (1.0.0)
    package47246 (1.0.0)
    package47247 (1.0.0)
    package47248 (1.0.0)
    package47249 (1.0.0)
    package47250 (1.0.0)
    package47251 (1.0.0)
    package47252 (1.0.0)
    package47253 (1.0.0)
    package47254 (1.0.0)
    package47255 (1.0.0)
    package47256 (1.0.0)
    package47257 (1.0.0)
    package47258 (1.0.0)
    package47259 (1.0.0)
    package47260 (1.0.0)
    package47261 (1.0.0)
    package47262 (1.0.0)
    package47263 (1.0.0)
    package47264 (1.0.0)
    package47265 (1.0.0)
    package47266 (1.0.0)
    package47267 (1.0.0)
    package47268 (1.0.0)
    package47269 (1.0.0)
    package47270 (1.0.0)
    package47271 (1.0.0)
    package47272 (1.0.0)
    package47273 (1.0.0)
    package47274 (1.0.0)
    package47275 (1.0.0)
    package47276 (1.0.0)
    package47277 (1.0.0)
    package47278 (1.0.0)
    package47279 (1.0.0)
    package47280 (1.0.0)
    package47281 (1.0.0)
    package47282 (1.0.0)
    package47283 (1.0.0)
    package47284 (1.0.0)
    package47285 (1.0.0)
    package47286 (1.0.0)
    package47287 (1.0.0)
    package47288 (1.0.0)
    package47289 (1.0.0)
    package47290 (1.0.0)
    package47291 (1.0.0)
    package47292 (1.0.0)
    package47293 (1.0.0)
    package47294 (1.0.0)
    package47295 (1.0.0)
    package47296 (1.0.0)
    package47297 (1.0.0)
    package47298 (1.0.0)
    package47299 (1.0.0)
    package47300 (1.0.0)
    package47301 (1.0.0)
    package47302 (1.0.0)
    package47303 (1.0.0)
    package47304 (1.0.0)
    package47305 (1.0.0)
    package47306 (1.0.0)
    package47307 (1.0.0)
    package47308 (1.0.0)
    package47309 (1.0.0)
    package47310 (1.0.0)
    package47311 (1.0.0)
    package47312 (1.0.0)
    package47313 (1.0.0)
    package47314 (1.0.0)
    package47315 (1.0.0)
    package47316 (1.0.0)
    package47317 (1.0.0)
    package47318 (1.0.0)
    package47319 (1.0.0)
    package47320 (1.0.0)
    package47321 (1.0.0)
    package47322 (1.0.0)
    package47323 (1.0.0)
    package47324 (1.0.0)
    package47325 (1.0.0)
    package47326 (1.0.0)
    package47327 (1.0.0)
    package47328 (1.0.0)
    package47329 (1.0.0)
    package47330 (1.0.0)
    package47331 (1.0.0)
    package47332 (1.0.0)
    package47333 (1.0.0)
    package47334 (1.0.0)
    package47335 (1.0.0)
    package47336 (1.0.0)
    package47337 (1.0.0)
    package47338 (1.0.0)
    package47339 (1.0.0)
    package47340 (1.0.0)
    package47341 (1.0.0)
    package47342 (1.0.0)
    package47343 (1.0.0)
    package47344 (1.0.0)
    package47345 (1.0.0)
    package47346 (1.0.0)
    package47347 (1.0.0)
    package47348 (1.0.0)
    package47349 (1.0.0)
    package47350 (1.0.0)
    package47351 (1.0.0)
    package47352 (1.0.0)
    package47353 (1.0.0)
    package47354 (1.0.0)
    package47355 (1.0.0)
    package47356 (1.0.0)
    package47357 (1.0.0)
    package47358 (1.0.0)
    package47359 (1.0.0)
    package47360 (1.0.0)
    package47361 (1.0.0)
    package47362 (1.0.0)
    package47363 (1.0.0)
    package47364 (1.0.0)
    package47365 (1.0.0)
    package47366 (1.0.0)
    package47367 (1.0.0)
    package47368 (1.0.0)
    package47369 (1.0.0)
    package47370 (1.0.0)
    package47371 (1.0.0)
    package47372 (1.0.0)
    package47373 (1.0.0)
    package47374 (1.0.0)
    package47375 (1.0.0)
    package47376 (1.0.0)
    package47377 (1.0.0)
    package47378 (1.0.0)
    package47379 (1.0.0)
    package47380 (1.0.0)
    package47381 (1.0.0)
    package47382 (1.0.0)
    package47383 (1.0.0)
    package47384 (1.0.0)
    package47385 (1.0.0)
    package47386 (1.0.0)
    package47387 (1.0.0)
    package47388 (1.0.0)
    package47389 (1.0.0)
    package47390 (1.0.0)
    package47391 (1.0.0)
    package47392 (1.0.0)
    package47393 (1.0.0)
    package47394 (1.0.0)
    package47395 (1.0.0)
    package47396 (1.0.0)
    package47397 (1.0.0)
    package47398 (1.0.0)
    package47399 (1.0.0)
    package47400 (1.0.0)
    package47401 (1.0.0)
    package47402 (1.0.0)
    package47403 (1.0.0)
    package47404 (1.0.0)
    package47405 (1.0.0)
    package47406 (1.0.0)
    package47407 (1.0.0)
    package47408 (1.0.0)
    package47409 (1.0.0)
    package47410 (1.0.0)
    package47411 (1.0.0)
    package47412 (1.0.0)
    package47413 (1.0.0)
    package47414 (1.0.0)
    package47415 (1.0.0)
    package47416 (1.0.0)
    package47417 (1.0.0)
    package47418 (1.0.0)
    package47419 (1.0.0)
    package47420 (1.0.0)
    package47421 (1.0.0)
    package47422 (1.0.0)
    package47423 (1.0.0)
    package47424 (1.0.0)
    package47425 (1.0.0)
    package47426 (1.0.0)
    package47427 (1.0.0)
    package47428 (1.0.0)
    package47429 (1.0.0)
    package47430 (1.0.0)
    package47431 (1.0.0)
    package47432 (1.0.0)
    package47433 (1.0.0)
    package47434 (1.0.0)
    package47435 (1.0.0)
    package47436 (1.0.0)
    package47437 (1.0.0)
    package47438 (1.0.0)
    package47439 (1.0.0)
    package47440 (1.0.0)
    package47441 (1.0.0)
    package47442 (1.0.0)
    package47443 (1.0.0)
    package47444 (1.0.0)
    package47445 (1.0.0)
    package47446 (1.0.0)
    package47447 (1.0.0)
    package47448 (1.0.0)
    package47449 (1.0.0)
    package47450 (1.0.0)
    package47451 (1.0.0)
    package47452 (1.0.0)
    package47453 (1.0.0)
    package47454 (1.0.0)
    package47455 (1.0.0)
    package47456 (1.0.0)
    package47457 (1.0.0)
    package47458 (1.0.0)
    package47459 (1.0.0)
    package47460 (1.0.0)
    package47461 (1.0.0)
    package47462 (1.0.0)
    package47463 (1.0.0)
    package47464 (1.0.0)
    package47465 (1.0.0)
    package47466 (1.0.0)
    package47467 (1.0.0)
    package47468 (1.0.0)
    package47469 (1.0.0)
    package47470 (1.0.0)
    package47471 (1.0.0)
    package47472 (1.0.0)
    package47473 (1.0.0)
    package47474 (1.0.0)
    package47475 (1.0.0)
    package47476 (1.0.0)
    package47477 (1.0.0)
    package47478 (1.0.0)
    package47479 (1.0.0)
    package47480 (1.0.0)
    package47481 (1.0.0)
    package47482 (1.0.0)
    package47483 (1.0.0)
    package47484 (1.0.0)
    package47485 (1.0.0)
    package47486 (1.0.0)
    package47487 (1.0.0)
    package47488 (1.0.0)
    package47489 (1.0.0)
    package47490 (1.0.0)
    package47491 (1.0.0)
    package47492 (1.0.0)
    package47493 (1.0.0)
    package47494 (1.0.0)
    package47495 (1.0.0)
    package47496 (1.0.0)
    package47497 (1.0.0)
    package47498 (1.0.0)
    package47499 (1.0.0)
    package47500 (1.0.0)
    package47501 (1.0.0)
    package47502 (1.0.0)
    package47503 (1.0.0)
    package47504 (1.0.0)
    package47505 (1.0.0)
    package47506 (1.0.0)
    package47507 (1.0.0)
    package47508 (1.0.0)
    package47509 (1.0.0)
    package47510 (1.0.0)
    package47511 (1.0.0)
    package47512 (1.0.0)
    package47513 (1.0.0)
    package47514 (1.0.0)
    package47515 (1.0.0)
    package47516 (1.0.0)
    package47517 (1.0.0)
    package47518 (1.0.0)
    package47519 (1.0.0)
    package47520 (1.0.0)
    package47521 (1.0.0)
    package47522 (1.0.0)
    package47523 (1.0.0)
    package47524 (1.0.0)
    package47525 (1.0.0)
    package47526 (1.0.0)
    package47527 (1.0.0)
    package47528 (1.0.0)
    package47529 (1.0.0)
    package47530 (1.0.0)
    package47531 (1.0.0)
    package47532 (1.0.0)
    package47533 (1.0.0)
    package47534 (1.0.0)
    package47535 (1.0.0)
    package47536 (1.0.0)
    package47537 (1.0.0)
    package47538 (1.0.0)
    package47539 (1.0.0)
    package47540 (1.0.0)
    package47541 (1.0.0)
    package47542 (1.0.0)
    package47543 (1.0.0)
    package47544 (1.0.0)
    package47545 (1.0.0)
    package47546 (1.0.0)
    package47547 (1.0.0)
    package47548 (1.0.0)
    package47549 (1.0.0)
    package47550 (1.0.0)
    package47551 (1.0.0)
    package47552 (1.0.0)
    package47553 (1.0.0)
    package47554 (1.0.0)
    package47555 (1.0.0)
    package47556 (1.0.0)
    package47557 (1.0.0)
    package47558 (1.0.0)
    package47559 (1.0.0)
    package47560 (1.0.0)
    package47561 (1.0.0)
    package47562 (1.0.0)
    package47563 (1.0.0)
    package47564 (1.0.0)
    package47565 (1.0.0)
    package47566 (1.0.0)
    package47567 (1.0.0)
    package47568 (1.0.0)
    package47569 (1.0.0)
    package47570 (1.0.0)
    package47571 (1.0.0)
    package47572 (1.0.0)
    package47573 (1.0.0)
    package47574 (1.0.0)
    package47575 (1.0.0)
    package47576 (1.0.0)
    package47577 (1.0.0)
    package47578 (1.0.0)
    package47579 (1.0.0)
    package47580 (1.0.0)
    package47581 (1.0.0)
    package47582 (1.0.0)
    package47583 (1.0.0)
    package47584 (1.0.0)
    package47585 (1.0.0)
    package47586 (1.0.0)
    package47587 (1.0.0)
    package47588 (1.0.0)
    package47589 (1.0.0)
    package47590 (1.0.0)
    package47591 (1.0.0)
    package47592 (1.0.0)
    package47593 (1.0.0)
    package47594 (1.0.0)
    package47595 (1.0.0)
    package47596 (1.0.0)
    package47597 (1.0.0)
    package47598 (1.0.0)
    package47599 (1.0.0)
    package47600 (1.0.0)
    package47601 (1.0.0)
    package47602 (1.0.0)
    package47603 (1.0.0)
    package47604 (1.0.0)
    package47605 (1.0.0)
    package47606 (1.0.0)
    package47607 (1.0.0)
    package47608 (1.0.0)
    package47609 (1.0.0)
    package47610 (1.0.0)
    package47611 (1.0.0)
    package47612 (1.0.0)
    package47613 (1.0.0)
    package47614 (1.0.0)
    package47615 (1.0.0)
    package47616 (1.0.0)
    package47617 (1.0.0)
    package47618 (1.0.0)
    package47619 (1.0.0)
    package47620 (1.0.0)
    package47621 (1.0.0)
    package47622 (1.0.0)
    package47623 (1.0.0)
    package47624 (1.0.0)
    package47625 (1.0.0)
    package47626 (1.0.0)
    package47627 (1.0.0)
    package47628 (1.0.0)
    package47629 (1.0.0)
    package47630 (1.0.0)
    package47631 (1.0.0)
    package47632 (1.0.0)
    package47633 (1.0.0)
    package47634 (1.0.0)
    package47635 (1.0.0)
    package47636 (1.0.0)
    package47637 (1.0.0)
    package47638 (1.0.0)
    package47639 (1.0.0)
    package47640 (1.0.0)
    package47641 (1.0.0)
    package47642 (1.0.0)
    package47643 (1.0.0)
    package47644 (1.0.0)
    package47645 (1.0.0)
    package47646 (1.0.0)
    package47647 (1.0.0)
    package47648 (1.0.0)
    package47649 (1.0.0)
    package47650 (1.0.0)
    package47651 (1.0.0)
    package47652 (1.0.0)
    package47653 (1.0.0)
    package47654 (1.0.0)
    package47655 (1.0.0)
    package47656 (1.0.0)
    package47657 (1.0.0)
    package47658 (1.0.0)
    package47659 (1.0.0)
    package47660 (1.0.0)
    package47661 (1.0.0)
    package47662 (1.0.0)
    package47663 (1.0.0)
    package47664 (1.0.0)
    package47665 (1.0.0)
    package47666 (1.0.0)
    package47667 (1.0.0)
    package47668 (1.0.0)
    package47669 (1.0.0)
    package47670 (1.0.0)
    package47671 (1.0.0)
    package47672 (1.0.0)
    package47673 (1.0.0)
    package47674 (1.0.0)
    package47675 (1.0.0)
    package47676 (1.0.0)
    package47677 (1.0.0)
    package47678 (1.0.0)
    package47679 (1.0.0)
    package47680 (1.0.0)
    package47681 (1.0.0)
    package47682 (1.0.0)
    package47683 (1.0.0)
    package47684 (1.0.0)
    package47685 (1.0.0)
    package47686 (1.0.0)
    package47687 (1.0.0)
    package47688 (1.0.0)
    package47689 (1.0.0)
    package47690 (1.0.0)
    package47691 (1.0.0)
    package47692 (1.0.0)
    package47693 (1.0.0)
    package47694 (1.0.0)
    package47695 (1.0.0)
    package47696 (1.0.0)
    package47697 (1.0.0)
    package47698 (1.0.0)
    package47699 (1.0.0)
    package47700 (1.0.0)
    package47701 (1.0.0)
    package47702 (1.0.0)
    package47703 (1.0.0)
    package47704 (1.0.0)
    package47705 (1.0.0)
    package47706 (1.0.0)
    package47707 (1.0.0)
    package47708 (1.0.0)
    package47709 (1.0.0)
    package47710 (1.0.0)
    package47711 (1.0.0)
    package47712 (1.0.0)
    package47713 (1.0.0)
    package47714 (1.0.0)
    package47715 (1.0.0)
    package47716 (1.0.0)
    package47717 (1.0.0)
    package47718 (1.0.0)
    package47719 (1.0.0)
    package47720 (1.0.0)
    package47721 (1.0.0)
    package47722 (1.0.0)
    package47723 (1.0.0)
    package47724 (1.0.0)
    package47725 (1.0.0)
    package47726 (1.0.0)
    package47727 (1.0.0)
    package47728 (1.0.0)
    package47729 (1.0.0)
    package47730 (1.0.0)
    package47731 (1.0.0)
    package47732 (1.0.0)
    package47733 (1.0.0)
    package47734 (1.0.0)
    package47735 (1.0.0)
    package47736 (1.0.0)
    package47737 (1.0.0)
    package47738 (1.0.0)
    package47739 (1.0.0)
    package47740 (1.0.0)
    package47741 (1.0.0)
    package47742 (1.0.0)
    package47743 (1.0.0)
    package47744 (1.0.0)
    package47745 (1.0.0)
    package47746 (1.0.0)
    package47747 (1.0.0)
    package47748 (1.0.0)
    package47749 (1.0.0)
    package47750 (1.0.0)
    package47751 (1.0.0)
    package47752 (1.0.0)
    package47753 (1.0.0)
    package47754 (1.0.0)
    package47755 (1.0.0)
    package47756 (1.0.0)
    package47757 (1.0.0)
    package47758 (1.0.0)
    package47759 (1.0.0)
    package47760 (1.0.0)
    package47761 (1.0.0)
    package47762 (1.0.0)
    package47763 (1.0.0)
    package47764 (1.0.0)
    package47765 (1.0.0)
    package47766 (1.0.0)
    package47767 (1.0.0)
    package47768 (1.0.0)
    package47769 (1.0.0)
    package47770 (1.0.0)
    package47771 (1.0.0)
    package47772 (1.0.0)
    package47773 (1.0.0)
    package47774 (1.0.0)
    package47775 (1.0.0)
    package47776 (1.0.0)
    package47777 (1.0.0)
    package47778 (1.0.0)
    package47779 (1.0.0)
    package47780 (1.0.0)
    package47781 (1.0.0)
    package47782 (1.0.0)
    package47783 (1.0.0)
    package47784 (1.0.0)
    package47785 (1.0.0)
    package47786 (1.0.0)
    package47787 (1.0.0)
    package47788 (1.0.0)
    package47789 (1.0.0)
    package47790 (1.0.0)
    package47791 (1.0.0)
    package47792 (1.0.0)
    package47793 (1.0.0)
    package47794 (1.0.0)
    package47795 (1.0.0)
    package47796 (1.0.0)
    package47797 (1.0.0)
    package47798 (1.0.0)
    package47799 (1.0.0)
    package47800 (1.0.0)
    package47801 (1.0.0)
    package47802 (1.0.0)
    package47803 (1.0.0)
    package47804 (1.0.0)
    package47805 (1.0.0)
    package47806 (1.0.0)
    package47807 (1.0.0)
    package47808 (1.0.0)
    package47809 (1.0.0)
    package47810 (1.0.0)
    package47811 (1.0.0)
    package47812 (1.0.0)
    package47813 (1.0.0)
    package47814 (1.0.0)
    package47815 (1.0.0)
    package47816 (1.0.0)
    package47817 (1.0.0)
    package47818 (1.0.0)
    package47819 (1.0.0)
    package47820 (1.0.0)
    package47821 (1.0.0)
    package47822 (1.0.0)
    package47823 (1.0.0)
    package47824 (1.0.0)
    package47825 (1.0.0)
    package47826 (1.0.0)
    package47827 (1.0.0)
    package47828 (1.0.0)
    package47829 (1.0.0)
    package47830 (1.0.0)
    package47831 (1.0.0)
    package47832 (1.0.0)
    package47833 (1.0.0)
    package47834 (1.0.0)
    package47835 (1.0.0)
    package47836 (1.0.0)
    package47837 (1.0.0)
    package47838 (1.0.0)
    package47839 (1.0.0)
    package47840 (1.0.0)
    package47841 (1.0.0)
    package47842 (1.0.0)
    package47843 (1.0.0)
    package47844 (1.0.0)
    package47845 (1.0.0)
    package47846 (1.0.0)
    package47847 (1.0.0)
    package47848 (1.0.0)
    package47849 (1.0.0)
    package47850 (1.0.0)
    package47851 (1.0.0)
    package47852 (1.0.0)
    package47853 (1.0.0)
    package47854 (1.0.0)
    package47855 (1.0.0)
    package47856 (1.0.0)
    package47857 (1.0.0)
    package47858 (1.0.0)
    package47859 (1.0.0)
    package47860 (1.0.0)
    package47861 (1.0.0)
    package47862 (1.0.0)
    package47863 (1.0.0)
    package47864 (1.0.0)
    package47865 (1.0.0)
    package47866 (1.0.0)
    package47867 (1.0.0)
    package47868 (1.0.0)
    package47869 (1.0.0)
    package47870 (1.0.0)
    package47871 (1.0.0)
    package47872 (1.0.0)
    package47873 (1.0.0)
    package47874 (1.0.0)
    package47875 (1.0.0)
    package47876 (1.0.0)
    package47877 (1.0.0)
    package47878 (1.0.0)
    package47879 (1.0.0)
    package47880 (1.0.0)
    package47881 (1.0.0)
    package47882 (1.0.0)
    package47883 (1.0.0)
    package47884 (1.0.0)
    package47885 (1.0.0)
    package47886 (1.0.0)
    package47887 (1.0.0)
    package47888 (1.0.0)
    package47889 (1.0.0)
    package47890 (1.0.0)
    package47891 (1.0.0)
    package47892 (1.0.0)
    package47893 (1.0.0)
    package47894 (1.0.0)
    package47895 (1.0.0)
    package47896 (1.0.0)
    package47897 (1.0.0)
    package47898 (1.0.0)
    package47899 (1.0.0)
    package47900 (1.0.0)
    package47901 (1.0.0)
    package47902 (1.0.0)
    package47903 (1.0.0)
    package47904 (1.0.0)
    package47905 (1.0.0)
    package47906 (1.0.0)
    package47907 (1.0.0)
    package47908 (1.0.0)
    package47909 (1.0.0)
    package47910 (1.0.0)
    package47911 (1.0.0)
    package47912 (1.0.0)
    package47913 (1.0.0)
    package47914 (1.0.0)
    package47915 (1.0.0)
    package47916 (1.0.0)
    package47917 (1.0.0)
    package47918 (1.0.0)
    package47919 (1.0.0)
    package47920 (1.0.0)
    package47921 (1.0.0)
    package47922 (1.0.0)
    package47923 (1.0.0)
    package47924 (1.0.0)
    package47925 (1.0.0)
    package47926 (1.0.0)
    package47927 (1.0.0)
    package47928 (1.0.0)
    package47929 (1.0.0)
    package47930 (1.0.0)
    package47931 (1.0.0)
    package47932 (1.0.0)
    package47933 (1.0.0)
    package47934 (1.0.0)
    package47935 (1.0.0)
    package47936 (1.0.0)
    package47937 (1.0.0)
    package47938 (1.0.0)
    package47939 (1.0.0)
    package47940 (1.0.0)
    package47941 (1.0.0)
    package47942 (1.0.0)
    package47943 (1.0.0)
    package47944 (1.0.0)
    package47945 (1.0.0)
    package47946 (1.0.0)
    package47947 (1.0.0)
    package47948 (1.0.0)
    package47949 (1.0.0)
    package47950 (1.0.0)
    package47951 (1.0.0)
    package47952 (1.0.0)
    package47953 (1.0.0)
    package47954 (1.0.0)
    package47955 (1.0.0)
    package47956 (1.0.0)
    package47957 (1.0.0)
    package47958 (1.0.0)
    package47959 (1.0.0)
    package47960 (1.0.0)
    package47961 (1.0.0)
    package47962 (1.0.0)
    package47963 (1.0.0)
    package47964 (1.0.0)
    package47965 (1.0.0)
    package47966 (1.0.0)
    package47967 (1.0.0)
    package47968 (1.0.0)
    package47969 (1.0.0)
    package47970 (1.0.0)
    package47971 (1.0.0)
    package47972 (1.0.0)
    package47973 (1.0.0)
    package47974 (1.0.0)
    package47975 (1.0.0)
    package47976 (1.0.0)
    package47977 (1.0.0)
    package47978 (1.0.0)
    package47979 (1.0.0)
    package47980 (1.0.0)
    package47981 (1.0.0)
    package47982 (1.0.0)
    package47983 (1.0.0)
    package47984 (1.0.0)
    package47985 (1.0.0)
    package47986 (1.0.0)
    package47987 (1.0.0)
    package47988 (1.0.0)
    package47989 (1.0.0)
    package47990 (1.0.0)
    package47991 (1.0.0)
    package47992 (1.0.0)
    package47993 (1.0.0)
    package47994 (1.0.0)
    package47995 (1.0.0)
    package47996 (1.0.0)
    package47997 (1.0.0)
    package47998 (1.0.0)
    package47999 (1.0.0)
    package48000 (1.0.0)
    package48001 (1.0.0)
    package48002 (1.0.0)
    package48003 (1.0.0)
    package48004 (1.0.0)
    package48005 (1.0.0)
    package48006 (1.0.0)
    package48007 (1.0.0)
    package48008 (1.0.0)
    package48009 (1.0.0)
    package48010 (1.0.0)
    package48011 (1.0.0)
    package48012 (1.0.0)
    package48013 (1.0.0)
    package48014 (1.0.0)
    package48015 (1.0.0)
    package48016 (1.0.0)
    package48017 (1.0.0)
    package48018 (1.0.0)
    package48019 (1.0.0)
    package48020 (1.0.0)
    package48021 (1.0.0)
    package48022 (1.0.0)
    package48023 (1.0.0)
    package48024 (1.0.0)
    package48025 (1.0.0)
    package48026 (1.0.0)
    package48027 (1.0.0)
    package48028 (1.0.0)
    package48029 (1.0.0)
    package48030 (1.0.0)
    package48031 (1.0.0)
    package48032 (1.0.0)
    package48033 (1.0.0)
    package48034 (1.0.0)
    package48035 (1.0.0)
    package48036 (1.0.0)
    package48037 (1.0.0)
    package48038 (1.0.0)
    package48039 (1.0.0)
    package48040 (1.0.0)
    package48041 (1.0.0)
    package48042 (1.0.0)
    package48043 (1.0.0)
    package48044 (1.0.0)
    package48045 (1.0.0)
    package48046 (1.0.0)
    package48047 (1.0.0)
    package48048 (1.0.0)
    package48049 (1.0.0)
    package48050 (1.0.0)
    package48051 (1.0.0)
    package48052 (1.0.0)
    package48053 (1.0.0)
    package48054 (1.0.0)
    package48055 (1.0.0)
    package48056 (1.0.0)
    package48057 (1.0.0)
    package48058 (1.0.0)
    package48059 (1.0.0)
    package48060 (1.0.0)
    package48061 (1.0.0)
    package48062 (1.0.0)
    package48063 (1.0.0)
    package48064 (1.0.0)
    package48065 (1.0.0)
    package48066 (1.0.0)
    package48067 (1.0.0)
    package48068 (1.0.0)
    package48069 (1.0.0)
    package48070 (1.0.0)
    package48071 (1.0.0)
    package48072 (1.0.0)
    package48073 (1.0.0)
    package48074 (1.0.0)
    package48075 (1.0.0)
    package48076 (1.0.0)
    package48077 (1.0.0)
    package48078 (1.0.0)
    package48079 (1.0.0)
    package48080 (1.0.0)
    package48081 (1.0.0)
    package48082 (1.0.0)
    package48083 (1.0.0)
    package48084 (1.0.0)
    package48085 (1.0.0)
    package48086 (1.0.0)
    package48087 (1.0.0)
    package48088 (1.0.0)
    package48089 (1.0.0)
    package48090 (1.0.0)
    package48091 (1.0.0)
    package48092 (1.0.0)
    package48093 (1.0.0)
    package48094 (1.0.0)
    package48095 (1.0.0)
    package48096 (1.0.0)
    package48097 (1.0.0)
    package48098 (1.0.0)
    package48099 (1.0.0)
    package48100 (1.0.0)
    package48101 (1.0.0)
    package48102 (1.0.0)
    package48103 (1.0.0)
    package48104 (1.0.0)
    package48105 (1.0.0)
    package48106 (1.0.0)
    package48107 (1.0.0)
    package48108 (1.0.0)
    package48109 (1.0.0)
    package48110 (1.0.0)
    package48111 (1.0.0)
    package48112 (1.0.0)
    package48113 (1.0.0)
    package48114 (1.0.0)
    package48115 (1.0.0)
    package48116 (1.0.0)
    package48117 (1.0.0)
    package48118 (1.0.0)
    package48119 (1.0.0)
    package48120 (1.0.0)
    package48121 (1.0.0)
    package48122 (1.0.0)
    package48123 (1.0.0)
    package48124 (1.0.0)
    package48125 (1.0.0)
    package48126 (1.0.0)
    package48127 (1.0.0)
    package48128 (1.0.0)
    package48129 (1.0.0)
    package48130 (1.0.0)
    package48131 (1.0.0)
    package48132 (1.0.0)
    package48133 (1.0.0)
    package48134 (1.0.0)
    package48135 (1.0.0)
    package48136 (1.0.0)
    package48137 (1.0.0)
    package48138 (1.0.0)
    package48139 (1.0.0)
    package48140 (1.0.0)
    package48141 (1.0.0)
    package48142 (1.0.0)
    package48143 (1.0.0)
    package48144 (1.0.0)
    package48145 (1.0.0)
    package48146 (1.0.0)
    package48147 (1.0.0)
    package48148 (1.0.0)
    package48149 (1.0.0)
    package48150 (1.0.0)
    package48151 (1.0.0)
    package48152 (1.0.0)
    package48153 (1.0.0)
    package48154 (1.0.0)
    package48155 (1.0.0)
    package48156 (1.0.0)
    package48157 (1.0.0)
    package48158 (1.0.0)
    package48159 (1.0.0)
    package48160 (1.0.0)
    package48161 (1.0.0)
    package48162 (1.0.0)
    package48163 (1.0.0)
    package48164 (1.0.0)
    package48165 (1.0.0)
    package48166 (1.0.0)
    package48167 (1.0.0)
    package48168 (1.0.0)
    package48169 (1.0.0)
    package48170 (1.0.0)
    package48171 (1.0.0)
    package48172 (1.0.0)
    package48173 (1.0.0)
    package48174 (1.0.0)
    package48175 (1.0.0)
    package48176 (1.0.0)
    package48177 (1.0.0)
    package48178 (1.0.0)
    package48179 (1.0.0)
    package48180 (1.0.0)
    package48181 (1.0.0)
    package48182 (1.0.0)
    package48183 (1.0.0)
    package48184 (1.0.0)
    package48185 (1.0.0)
    package48186 (1.0.0)
    package48187 (1.0.0)
    package48188 (1.0.0)
    package48189 (1.0.0)
    package48190 (1.0.0)
    package48191 (1.0.0)
    package48192 (1.0.0)
    package48193 (1.0.0)
    package48194 (1.0.0)
    package48195 (1.0.0)
    package48196 (1.0.0)
    package48197 (1.0.0)
    package48198 (1.0.0)
    package48199 (1.0.0)
    package48200 (1.0.0)
    package48201 (1.0.0)
    package48202 (1.0.0)
    package48203 (1.0.0)
    package48204 (1.0.0)
    package48205 (1.0.0)
    package48206 (1.0.0)
    package48207 (1.0.0)
    package48208 (1.0.0)
    package48209 (1.0.0)
    package48210 (1.0.0)
    package48211 (1.0.0)
    package48212 (1.0.0)
    package48213 (1.0.0)
    package48214 (1.0.0)
    package48215 (1.0.0)
    package48216 (1.0.0)
    package48217 (1.0.0)
    package48218 (1.0.0)
    package48219 (1.0.0)
    package48220 (1.0.0)
    package48221 (1.0.0)
    package48222 (1.0.0)
    package48223 (1.0.0)
    package48224 (1.0.0)
    package48225 (1.0.0)
    package48226 (1.0.0)
    package48227 (1.0.0)
    package48228 (1.0.0)
    package48229 (1.0.0)
    package48230 (1.0.0)
    package48231 (1.0.0)
    package48232 (1.0.0)
    package48233 (1.0.0)
    package48234 (1.0.0)
    package48235 (1.0.0)
    package48236 (1.0.0)
    package48237 (1.0.0)
    package48238 (1.0.0)
    package48239 (1.0.0)
    package48240 (1.0.0)
    package48241 (1.0.0)
    package48242 (1.0.0)
    package48243 (1.0.0)
    package48244 (1.0.0)
    package48245 (1.0.0)
    package48246 (1.0.0)
    package48247 (1.0.0)
    package48248 (1.0.0)
    package48249 (1.0.0)
    package48250 (1.0.0)
    package48251 (1.0.0)
    package48252 (1.0.0)
    package48253 (1.0.0)
    package48254 (1.0.0)
    package48255 (1.0.0)
    package48256 (1.0.0)
    package48257 (1.0.0)
    package48258 (1.0.0)
    package48259 (1.0.0)
    package48260 (1.0.0)
    package48261 (1.0.0)
    package48262 (1.0.0)
    package48263 (1.0.0)
    package48264 (1.0.0)
    package48265 (1.0.0)
    package48266 (1.0.0)
    package48267 (1.0.0)
    package48268 (1.0.0)
    package48269 (1.0.0)
    package48270 (1.0.0)
    package48271 (1.0.0)
    package48272 (1.0.0)
    package48273 (1.0.0)
    package48274 (1.0.0)
    package48275 (1.0.0)
    package48276 (1.0.0)
    package48277 (1.0.0)
    package48278 (1.0.0)
    package48279 (1.0.0)
    package48280 (1.0.0)
    package48281 (1.0.0)
    package48282 (1.0.0)
    package48283 (1.0.0)
    package48284 (1.0.0)
    package48285 (1.0.0)
    package48286 (1.0.0)
    package48287 (1.0.0)
    package48288 (1.0.0)
    package48289 (1.0.0)
    package48290 (1.0.0)
    package48291 (1.0.0)
    package48292 (1.0.0)
    package48293 (1.0.0)
    package48294 (1.0.0)
    package48295 (1.0.0)
    package48296 (1.0.0)
    package48297 (1.0.0)
    package48298 (1.0.0)
    package48299 (1.0.0)
    package48300 (1.0.0)
    package48301 (1.0.0)
    package48302 (1.0.0)
    package48303 (1.0.0)
    package48304 (1.0.0)
    package48305 (1.0.0)
    package48306 (1.0.0)
    package48307 (1.0.0)
    package48308 (1.0.0)
    package48309 (1.0.0)
    package48310 (1.0.0)
    package48311 (1.0.0)
    package48312 (1.0.0)
    package48313 (1.0.0)
    package48314 (1.0.0)
    package48315 (1.0.0)
    package48316 (1.0.0)
    package48317 (1.0.0)
    package48318 (1.0.0)
    package48319 (1.0.0)
    package48320 (1.0.0)
    package48321 (1.0.0)
    package48322 (1.0.0)
    package48323 (1.0.0)
    package48324 (1.0.0)
    package48325 (1.0.0)
    package48326 (1.0.0)
    package48327 (1.0.0)
    package48328 (1.0.0)
    package48329 (1.0.0)
    package48330 (1.0.0)
    package48331 (1.0.0)
    package48332 (1.0.0)
    package48333 (1.0.0)
    package48334 (1.0.0)
    package48335 (1.0.0)
    package48336 (1.0.0)
    package48337 (1.0.0)
    package48338 (1.0.0)
    package48339 (1.0.0)
    package48340 (1.0.0)
    package48341 (1.0.0)
    package48342 (1.0.0)
    package48343 (1.0.0)
    package48344 (1.0.0)
    package48345 (1.0.0)
    package48346 (1.0.0)
    package48347 (1.0.0)
    package48348 (1.0.0)
    package48349 (1.0.0)
    package48350 (1.0.0)
    package48351 (1.0.0)
    package48352 (1.0.0)
    package48353 (1.0.0)
    package48354 (1.0.0)
    package48355 (1.0.0)
    package48356 (1.0.0)
    package48357 (1.0.0)
    package48358 (1.0.0)
    package48359 (1.0.0)
    package48360 (1.0.0)
    package48361 (1.0.0)
    package48362 (1.0.0)
    package48363 (1.0.0)
    package48364 (1.0.0)
    package48365 (1.0.0)
    package48366 (1.0.0)
    package48367 (1.0.0)
    package48368 (1.0.0)
    package48369 (1.0.0)
    package48370 (1.0.0)
    package48371 (1.0.0)
    package48372 (1.0.0)
    package48373 (1.0.0)
    package48374 (1.0.0)
    package48375 (1.0.0)
    package48376 (1.0.0)
    package48377 (1.0.0)
    package48378 (1.0.0)
    package48379 (1.0.0)
    package48380 (1.0.0)
    package48381 (1.0.0)
    package48382 (1.0.0)
    package48383 (1.0.0)
    package48384 (1.0.0)
    package48385 (1.0.0)
    package48386 (1.0.0)
    package48387 (1.0.0)
    package48388 (1.0.0)
    package48389 (1.0.0)
    package48390 (1.0.0)
    package48391 (1.0.0)
    package48392 (1.0.0)
    package48393 (1.0.0)
    package48394 (1.0.0)
    package48395 (1.0.0)
    package48396 (1.0.0)
    package48397 (1.0.0)
    package48398 (1.0.0)
    package48399 (1.0.0)
    package48400 (1.0.0)
    package48401 (1.0.0)
    package48402 (1.0.0)
    package48403 (1.0.0)
    package48404 (1.0.0)
    package48405 (1.0.0)
    package48406 (1.0.0)
    package48407 (1.0.0)
    package48408 (1.0.0)
    package48409 (1.0.0)
    package48410 (1.0.0)
    package48411 (1.0.0)
    package48412 (1.0.0)
    package48413 (1.0.0)
    package48414 (1.0.0)
    package48415 (1.0.0)
    package48416 (1.0.0)
    package48417 (1.0.0)
    package48418 (1.0.0)
    package48419 (1.0.0)
    package48420 (1.0.0)
    package48421 (1.0.0)
    package48422 (1.0.0)
    package48423 (1.0.0)
    package48424 (1.0.0)
    package48425 (1.0.0)
    package48426 (1.0.0)
    package48427 (1.0.0)
    package48428 (1.0.0)
    package48429 (1.0.0)
    package48430 (1.0.0)
    package48431 (1.0.0)
    package48432 (1.0.0)
    package48433 (1.0.0)
    package48434 (1.0.0)
    package48435 (1.0.0)
    package48436 (1.0.0)
    package48437 (1.0.0)
    package48438 (1.0.0)
    package48439 (1.0.0)
    package48440 (1.0.0)
    package48441 (1.0.0)
    package48442 (1.0.0)
    package48443 (1.0.0)
    package48444 (1.0.0)
    package48445 (1.0.0)
    package48446 (1.0.0)
    package48447 (1.0.0)
    package48448 (1.0.0)
    package48449 (1.0.0)
    package48450 (1.0.0)
    package48451 (1.0.0)
    package48452 (1.0.0)
    package48453 (1.0.0)
    package48454 (1.0.0)
    package48455 (1.0.0)
    package48456 (1.0.0)
    package48457 (1.0.0)
    package48458 (1.0.0)
    package48459 (1.0.0)
    package48460 (1.0.0)
    package48461 (1.0.0)
    package48462 (1.0.0)
    package48463 (1.0.0)
    package48464 (1.0.0)
    package48465 (1.0.0)
    package48466 (1.0.0)
    package48467 (1.0.0)
    package48468 (1.0.0)
    package48469 (1.0.0)
    package48470 (1.0.0)
    package48471 (1.0.0)
    package48472 (1.0.0)
    package48473 (1.0.0)
    package48474 (1.0.0)
    package48475 (1.0.0)
    package48476 (1.0.0)
    package48477 (1.0.0)
    package48478 (1.0.0)
    package48479 (1.0.0)
    package48480 (1.0.0)
    package48481 (1.0.0)
    package48482 (1.0.0)
    package48483 (1.0.0)
    package48484 (1.0.0)
    package48485 (1.0.0)
    package48486 (1.0.0)
    package48487 (1.0.0)
    package48488 (1.0.0)
    package48489 (1.0.0)
    package48490 (1.0.0)
    package48491 (1.0.0)
    package48492 (1.0.0)
    package48493 (1.0.0)
    package48494 (1.0.0)
    package48495 (1.0.0)
    package48496 (1.0.0)
    package48497 (1.0.0)
    package48498 (1.0.0)
    package48499 (1.0.0)
    package48500 (1.0.0)
    package48501 (1.0.0)
    package48502 (1.0.0)
    package48503 (1.0.0)
    package48504 (1.0.0)
    package48505 (1.0.0)
    package48506 (1.0.0)
    package48507 (1.0.0)
    package48508 (1.0.0)
    package48509 (1.0.0)
    package48510 (1.0.0)
    package48511 (1.0.0)
    package48512 (1.0.0)
    package48513 (1.0.0)
    package48514 (1.0.0)
    package48515 (1.0.0)
    package48516 (1.0.0)
    package48517 (1.0.0)
    package48518 (1.0.0)
    package48519 (1.0.0)
    package48520 (1.0.0)
    package48521 (1.0.0)
    package48522 (1.0.0)
    package48523 (1.0.0)
    package48524 (1.0.0)
    package48525 (1.0.0)
    package48526 (1.0.0)
    package48527 (1.0.0)
    package48528 (1.0.0)
    package48529 (1.0.0)
    package48530 (1.0.0)
    package48531 (1.0.0)
    package48532 (1.0.0)
    package48533 (1.0.0)
    package48534 (1.0.0)
    package48535 (1.0.0)
    package48536 (1.0.0)
    package48537 (1.0.0)
    package48538 (1.0.0)
    package48539 (1.0.0)
    package48540 (1.0.0)
    package48541 (1.0.0)
    package48542 (1.0.0)
    package48543 (1.0.0)
    package48544 (1.0.0)
    package48545 (1.0.0)
    package48546 (1.0.0)
    package48547 (1.0.0)
    package48548 (1.0.0)
    package48549 (1.0.0)
    package48550 (1.0.0)
    package48551 (1.0.0)
    package48552 (1.0.0)
    package48553 (1.0.0)
    package48554 (1.0.0)
    package48555 (1.0.0)
    package48556 (1.0.0)
    package48557 (1.0.0)
    package48558 (1.0.0)
    package48559 (1.0.0)
    package48560 (1.0.0)
    package48561 (1.0.0)
    package48562 (1.0.0)
    package48563 (1.0.0)
    package48564 (1.0.0)
    package48565 (1.0.0)
    package48566 (1.0.0)
    package48567 (1.0.0)
    package48568 (1.0.0)
    package48569 (1.0.0)
    package48570 (1.0.0)
    package48571 (1.0.0)
    package48572 (1.0.0)
    package48573 (1.0.0)
    package48574 (1.0.0)
    package48575 (1.0.0)
    package48576 (1.0.0)
    package48577 (1.0.0)
    package48578 (1.0.0)
    package48579 (1.0.0)
    package48580 (1.0.0)
    package48581 (1.0.0)
    package48582 (1.0.0)
    package48583 (1.0.0)
    package48584 (1.0.0)
    package48585 (1.0.0)
    package48586 (1.0.0)
    package48587 (1.0.0)
    package48588 (1.0.0)
    package48589 (1.0.0)
    package48590 (1.0.0)
    package48591 (1.0.0)
    package48592 (1.0.0)
    package48593 (1.0.0)
    package48594 (1.0.0)
    package48595 (1.0.0)
    package48596 (1.0.0)
    package48597 (1.0.0)
    package48598 (1.0.0)
    package48599 (1.0.0)
    package48600 (1.0.0)
    package48601 (1.0.0)
    package48602 (1.0.0)
    package48603 (1.0.0)
    package48604 (1.0.0)
    package48605 (1.0.0)
    package48606 (1.0.0)
    package48607 (1.0.0)
    package48608 (1.0.0)
    package48609 (1.0.0)
    package48610 (1.0.0)
    package48611 (1.0.0)
    package48612 (1.0.0)
    package48613 (1.0.0)
    package48614 (1.0.0)
    package48615 (1.0.0)
    package48616 (1.0.0)
    package48617 (1.0.0)
    package48618 (1.0.0)
    package48619 (1.0.0)
    package48620 (1.0.0)
    package48621 (1.0.0)
    package48622 (1.0.0)
    package48623 (1.0.0)
    package48624 (1.0.0)
    package48625 (1.0.0)
    package48626 (1.0.0)
    package48627 (1.0.0)
    package48628 (1.0.0)
    package48629 (1.0.0)
    package48630 (1.0.0)
    package48631 (1.0.0)
    package48632 (1.0.0)
    package48633 (1.0.0)
    package48634 (1.0.0)
    package48635 (1.0.0)
    package48636 (1.0.0)
    package48637 (1.0.0)
    package48638 (1.0.0)
    package48639 (1.0.0)
    package48640 (1.0.0)
    package48641 (1.0.0)
    package48642 (1.0.0)
    package48643 (1.0.0)
    package48644 (1.0.0)
    package48645 (1.0.0)
    package48646 (1.0.0)
    package48647 (1.0.0)
    package48648 (1.0.0)
    package48649 (1.0.0)
    package48650 (1.0.0)
    package48651 (1.0.0)
    package48652 (1.0.0)
    package48653 (1.0.0)
    package48654 (1.0.0)
    package48655 (1.0.0)
    package48656 (1.0.0)
    package48657 (1.0.0)
    package48658 (1.0.0)
    package48659 (1.0.0)
    package48660 (1.0.0)
    package48661 (1.0.0)
    package48662 (1.0.0)
    package48663 (1.0.0)
    package48664 (1.0.0)
    package48665 (1.0.0)
    package48666 (1.0.0)
    package48667 (1.0.0)
    package48668 (1.0.0)
    package48669 (1.0.0)
    package48670 (1.0.0)
    package48671 (1.0.0)
    package48672 (1.0.0)
    package48673 (1.0.0)
    package48674 (1.0.0)
    package48675 (1.0.0)
    package48676 (1.0.0)
    package48677 (1.0.0)
    package48678 (1.0.0)
    package48679 (1.0.0)
    package48680 (1.0.0)
    package48681 (1.0.0)
    package48682 (1.0.0)
    package48683 (1.0.0)
    package48684 (1.0.0)
    package48685 (1.0.0)
    package48686 (1.0.0)
    package48687 (1.0.0)
    package48688 (1.0.0)
    package48689 (1.0.0)
    package48690 (1.0.0)
    package48691 (1.0.0)
    package48692 (1.0.0)
    package48693 (1.0.0)
    package48694 (1.0.0)
    package48695 (1.0.0)
    package48696 (1.0.0)
    package48697 (1.0.0)
    package48698 (1.0.0)
    package48699 (1.0.0)
    package48700 (1.0.0)
    package48701 (1.0.0)
    package48702 (1.0.0)
    package48703 (1.0.0)
    package48704 (1.0.0)
    package48705 (1.0.0)
    package48706 (1.0.0)
    package48707 (1.0.0)
    package48708 (1.0.0)
    package48709 (1.0.0)
    package48710 (1.0.0)
    package48711 (1.0.0)
    package48712 (1.0.0)
    package48713 (1.0.0)
    package48714 (1.0.0)
    package48715 (1.0.0)
    package48716 (1.0.0)
    package48717 (1.0.0)
    package48718 (1.0.0)
    package48719 (1.0.0)
    package48720 (1.0.0)
    package48721 (1.0.0)
    package48722 (1.0.0)
    package48723 (1.0.0)
    package48724 (1.0.0)
    package48725 (1.0.0)
    package48726 (1.0.0)
    package48727 (1.0.0)
    package48728 (1.0.0)
    package48729 (1.0.0)
    package48730 (1.0.0)
    package48731 (1.0.0)
    package48732 (1.0.0)
    package48733 (1.0.0)
    package48734 (1.0.0)
    package48735 (1.0.0)
    package48736 (1.0.0)
    package48737 (1.0.0)
    package48738 (1.0.0)
    package48739 (1.0.0)
    package48740 (1.0.0)
    package48741 (1.0.0)
    package48742 (1.0.0)
    package48743 (1.0.0)
    package48744 (1.0.0)
    package48745 (1.0.0)
    package48746 (1.0.0)
    package48747 (1.0.0)
    package48748 (1.0.0)
    package48749 (1.0.0)
    package48750 (1.0.0)
    package48751 (1.0.0)
    package48752 (1.0.0)
    package48753 (1.0.0)
    package48754 (1.0.0)
    package48755 (1.0.0)
    package48756 (1.0.0)
    package48757 (1.0.0)
    package48758 (1.0.0)
    package48759 (1.0.0)
    package48760 (1.0.0)
    package48761 (1.0.0)
    package48762 (1.0.0)
    package48763 (1.0.0)
    package48764 (1.0.0)
    package48765 (1.0.0)
    package48766 (1.0.0)
    package48767 (1.0.0)
    package48768 (1.0.0)
    package48769 (1.0.0)
    package48770 (1.0.0)
    package48771 (1.0.0)
    package48772 (1.0.0)
    package48773 (1.0.0)
    package48774 (1.0.0)
    package48775 (1.0.0)
    package48776 (1.0.0)
    package48777 (1.0.0)
    package48778 (1.0.0)
    package48779 (1.0.0)
    package48780 (1.0.0)
    package48781 (1.0.0)
    package48782 (1.0.0)
    package48783 (1.0.0)
    package48784 (1.0.0)
    package48785 (1.0.0)
    package48786 (1.0.0)
    package48787 (1.0.0)
    package48788 (1.0.0)
    package48789 (1.0.0)
    package48790 (1.0.0)
    package48791 (1.0.0)
    package48792 (1.0.0)
    package48793 (1.0.0)
    package48794 (1.0.0)
    package48795 (1.0.0)
    package48796 (1.0.0)
    package48797 (1.0.0)
    package48798 (1.0.0)
    package48799 (1.0.0)
    package48800 (1.0.0)
    package48801 (1.0.0)
    package48802 (1.0.0)
    package48803 (1.0.0)
    package48804 (1.0.0)
    package48805 (1.0.0)
    package48806 (1.0.0)
    package48807 (1.0.0)
    package48808 (1.0.0)
    package48809 (1.0.0)
    package48810 (1.0.0)
    package48811 (1.0.0)
    package48812 (1.0.0)
    package48813 (1.0.0)
    package48814 (1.0.0)
    package48815 (1.0.0)
    package48816 (1.0.0)
    package48817 (1.0.0)
    package48818 (1.0.0)
    package48819 (1.0.0)
    package48820 (1.0.0)
    package48821 (1.0.0)
    package48822 (1.0.0)
    package48823 (1.0.0)
    package48824 (1.0.0)
    package48825 (1.0.0)
    package48826 (1.0.0)
    package48827 (1.0.0)
    package48828 (1.0.0)
    package48829 (1.0.0)
    package48830 (1.0.0)
    package48831 (1.0.0)
    package48832 (1.0.0)
    package48833 (1.0.0)
    package48834 (1.0.0)
    package48835 (1.0.0)
    package48836 (1.0.0)
    package48837 (1.0.0)
    package48838 (1.0.0)
    package48839 (1.0.0)
    package48840 (1.0.0)
    package48841 (1.0.0)
    package48842 (1.0.0)
    package48843 (1.0.0)
    package48844 (1.0.0)
    package48845 (1.0.0)
    package48846 (1.0.0)
    package48847 (1.0.0)
    package48848 (1.0.0)
    package48849 (1.0.0)
    package48850 (1.0.0)
    package48851 (1.0.0)
    package48852 (1.0.0)
    package48853 (1.0.0)
    package48854 (1.0.0)
    package48855 (1.0.0)
    package48856 (1.0.0)
    package48857 (1.0.0)
    package48858 (1.0.0)
    package48859 (1.0.0)
    package48860 (1.0.0)
    package48861 (1.0.0)
    package48862 (1.0.0)
    package48863 (1.0.0)
    package48864 (1.0.0)
    package48865 (1.0.0)
    package48866 (1.0.0)
    package48867 (1.0.0)
    package48868 (1.0.0)
    package48869 (1.0.0)
    package48870 (1.0.0)
    package48871 (1.0.0)
    package48872 (1.0.0)
    package48873 (1.0.0)
    package48874 (1.0.0)
    package48875 (1.0.0)
    package48876 (1.0.0)
    package48877 (1.0.0)
    package48878 (1.0.0)
    package48879 (1.0.0)
    package48880 (1.0.0)
    package48881 (1.0.0)
    package48882 (1.0.0)
    package48883 (1.0.0)
    package48884 (1.0.0)
    package48885 (1.0.0)
    package48886 (1.0.0)
    package48887 (1.0.0)
    package48888 (1.0.0)
    package48889 (1.0.0)
    package48890 (1.0.0)
    package48891 (1.0.0)
    package48892 (1.0.0)
    package48893 (1.0.0)
    package48894 (1.0.0)
    package48895 (1.0.0)
    package48896 (1.0.0)
    package48897 (1.0.0)
    package48898 (1.0.0)
    package48899 (1.0.0)
    package48900 (1.0.0)
    package48901 (1.0.0)
    package48902 (1.0.0)
    package48903 (1.0.0)
    package48904 (1.0.0)
    package48905 (1.0.0)
    package48906 (1.0.0)
    package48907 (1.0.0)
    package48908 (1.0.0)
    package48909 (1.0.0)
    package48910 (1.0.0)
    package48911 (1.0.0)
    package48912 (1.0.0)
    package48913 (1.0.0)
    package48914 (1.0.0)
    package48915 (1.0.0)
    package48916 (1.0.0)
    package48917 (1.0.0)
    package48918 (1.0.0)
    package48919 (1.0.0)
    package48920 (1.0.0)
    package48921 (1.0.0)
    package48922 (1.0.0)
    package48923 (1.0.0)
    package48924 (1.0.0)
    package48925 (1.0.0)
    package48926 (1.0.0)
    package48927 (1.0.0)
    package48928 (1.0.0)
    package48929 (1.0.0)
    package48930 (1.0.0)
    package48931 (1.0.0)
    package48932 (1.0.0)
    package48933 (1.0.0)
    package48934 (1.0.0)
    package48935 (1.0.0)
    package48936 (1.0.0)
    package48937 (1.0.0)
    package48938 (1.0.0)
    package48939 (1.0.0)
    package48940 (1.0.0)
    package48941 (1.0.0)
    package48942 (1.0.0)
    package48943 (1.0.0)
    package48944 (1.0.0)
    package48945 (1.0.0)
    package48946 (1.0.0)
    package48947 (1.0.0)
    package48948 (1.0.0)
    package48949 (1.0.0)
    package48950 (1.0.0)
    package48951 (1.0.0)
    package48952 (1.0.0)
    package48953 (1.0.0)
    package48954 (1.0.0)
    package48955 (1.0.0)
    package48956 (1.0.0)
    package48957 (1.0.0)
    package48958 (1.0.0)
    package48959 (1.0.0)
    package48960 (1.0.0)
    package48961 (1.0.0)
    package48962 (1.0.0)
    package48963 (1.0.0)
    package48964 (1.0.0)
    package48965 (1.0.0)
    package48966 (1.0.0)
    package48967 (1.0.0)
    package48968 (1.0.0)
    package48969 (1.0.0)
    package48970 (1.0.0)
    package48971 (1.0.0)
    package48972 (1.0.0)
    package48973 (1.0.0)
    package48974 (1.0.0)
    package48975 (1.0.0)
    package48976 (1.0.0)
    package48977 (1.0.0)
    package48978 (1.0.0)
    package48979 (1.0.0)
    package48980 (1.0.0)
    package48981 (1.0.0)
    package48982 (1.0.0)
    package48983 (1.0.0)
    package48984 (1.0.0)
    package48985 (1.0.0)
    package48986 (1.0.0)
    package48987 (1.0.0)
    package48988 (1.0.0)
    package48989 (1.0.0)
    package48990 (1.0.0)
    package48991 (1.0.0)
    package48992 (1.0.0)
    package48993 (1.0.0)
    package48994 (1.0.0)
    package48995 (1.0.0)
    package48996 (1.0.0)
    package48997 (1.0.0)
    package48998 (1.0.0)
    package48999 (1.0.0)
    package49000 (1.0.0)
    package49001 (1.0.0)
    package49002 (1.0.0)
    package49003 (1.0.0)
    package49004 (1.0.0)
    package49005 (1.0.0)
    package49006 (1.0.0)
    package49007 (1.0.0)
    package49008 (1.0.0)
    package49009 (1.0.0)
    package49010 (1.0.0)
    package49011 (1.0.0)
    package49012 (1.0.0)
    package49013 (1.0.0)
    package49014 (1.0.0)
    package49015 (1.0.0)
    package49016 (1.0.0)
    package49017 (1.0.0)
    package49018 (1.0.0)
    package49019 (1.0.0)
    package49020 (1.0.0)
    package49021 (1.0.0)
    package49022 (1.0.0)
    package49023 (1.0.0)
    package49024 (1.0.0)
    package49025 (1.0.0)
    package49026 (1.0.0)
    package49027 (1.0.0)
    package49028 (1.0.0)
    package49029 (1.0.0)
    package49030 (1.0.0)
    package49031 (1.0.0)
    package49032 (1.0.0)
    package49033 (1.0.0)
    package49034 (1.0.0)
    package49035 (1.0.0)
    package49036 (1.0.0)
    package49037 (1.0.0)
    package49038 (1.0.0)
    package49039 (1.0.0)
    package49040 (1.0.0)
    package49041 (1.0.0)
    package49042 (1.0.0)
    package49043 (1.0.0)
    package49044 (1.0.0)
    package49045 (1.0.0)
    package49046 (1.0.0)
    package49047 (1.0.0)
    package49048 (1.0.0)
    package49049 (1.0.0)
    package49050 (1.0.0)
    package49051 (1.0.0)
    package49052 (1.0.0)
    package49053 (1.0.0)
    package49054 (1.0.0)
    package49055 (1.0.0)
    package49056 (1.0.0)
    package49057 (1.0.0)
    package49058 (1.0.0)
    package49059 (1.0.0)
    package49060 (1.0.0)
    package49061 (1.0.0)
    package49062 (1.0.0)
    package49063 (1.0.0)
    package49064 (1.0.0)
    package49065 (1.0.0)
    package49066 (1.0.0)
    package49067 (1.0.0)
    package49068 (1.0.0)
    package49069 (1.0.0)
    package49070 (1.0.0)
    package49071 (1.0.0)
    package49072 (1.0.0)
    package49073 (1.0.0)
    package49074 (1.0.0)
    package49075 (1.0.0)
    package49076 (1.0.0)
    package49077 (1.0.0)
    package49078 (1.0.0)
    package49079 (1.0.0)
    package49080 (1.0.0)
    package49081 (1.0.0)
    package49082 (1.0.0)
    package49083 (1.0.0)
    package49084 (1.0.0)
    package49085 (1.0.0)
    package49086 (1.0.0)
    package49087 (1.0.0)
    package49088 (1.0.0)
    package49089 (1.0.0)
    package49090 (1.0.0)
    package49091 (1.0.0)
    package49092 (1.0.0)
    package49093 (1.0.0)
    package49094 (1.0.0)
    package49095 (1.0.0)
    package49096 (1.0.0)
    package49097 (1.0.0)
    package49098 (1.0.0)
    package49099 (1.0.0)
    package49100 (1.0.0)
    package49101 (1.0.0)
    package49102 (1.0.0)
    package49103 (1.0.0)
    package49104 (1.0.0)
    package49105 (1.0.0)
    package49106 (1.0.0)
    package49107 (1.0.0)
    package49108 (1.0.0)
    package49109 (1.0.0)
    package49110 (1.0.0)
    package49111 (1.0.0)
    package49112 (1.0.0)
    package49113 (1.0.0)
    package49114 (1.0.0)
    package49115 (1.0.0)
    package49116 (1.0.0)
    package49117 (1.0.0)
    package49118 (1.0.0)
    package49119 (1.0.0)
    package49120 (1.0.0)
    package49121 (1.0.0)
    package49122 (1.0.0)
    package49123 (1.0.0)
    package49124 (1.0.0)
    package49125 (1.0.0)
    package49126 (1.0.0)
    package49127 (1.0.0)
    package49128 (1.0.0)
    package49129 (1.0.0)
    package49130 (1.0.0)
    package49131 (1.0.0)
    package49132 (1.0.0)
    package49133 (1.0.0)
    package49134 (1.0.0)
    package49135 (1.0.0)
    package49136 (1.0.0)
    package49137 (1.0.0)
    package49138 (1.0.0)
    package49139 (1.0.0)
    package49140 (1.0.0)
    package49141 (1.0.0)
    package49142 (1.0.0)
    package49143 (1.0.0)
    package49144 (1.0.0)
    package49145 (1.0.0)
    package49146 (1.0.0)
    package49147 (1.0.0)
    package49148 (1.0.0)
    package49149 (1.0.0)
    package49150 (1.0.0)
    package49151 (1.0.0)
    package49152 (1.0.0)
    package49153 (1.0.0)
    package49154 (1.0.0)
    package49155 (1.0.0)
    package49156 (1.0.0)
    package49157 (1.0.0)
    package49158 (1.0.0)
    package49159 (1.0.0)
    package49160 (1.0.0)
    package49161 (1.0.0)
    package49162 (1.0.0)
    package49163 (1.0.0)
    package49164 (1.0.0)
    package49165 (1.0.0)
    package49166 (1.0.0)
    package49167 (1.0.0)
    package49168 (1.0.0)
    package49169 (1.0.0)
    package49170 (1.0.0)
    package49171 (1.0.0)
    package49172 (1.0.0)
    package49173 (1.0.0)
    package49174 (1.0.0)
    package49175 (1.0.0)
    package49176 (1.0.0)
    package49177 (1.0.0)
    package49178 (1.0.0)
    package49179 (1.0.0)
    package49180 (1.0.0)
    package49181 (1.0.0)
    package49182 (1.0.0)
    package49183 (1.0.0)
    package49184 (1.0.0)
    package49185 (1.0.0)
    package49186 (1.0.0)
    package49187 (1.0.0)
    package49188 (1.0.0)
    package49189 (1.0.0)
    package49190 (1.0.0)
    package49191 (1.0.0)
    package49192 (1.0.0)
    package49193 (1.0.0)
    package49194 (1.0.0)
    package49195 (1.0.0)
    package49196 (1.0.0)
    package49197 (1.0.0)
    package49198 (1.0.0)
    package49199 (1.0.0)
    package49200 (1.0.0)
    package49201 (1.0.0)
    package49202 (1.0.0)
    package49203 (1.0.0)
    package49204 (1.0.0)
    package49205 (1.0.0)
    package49206 (1.0.0)
    package49207 (1.0.0)
    package49208 (1.0.0)
    package49209 (1.0.0)
    package49210 (1.0.0)
    package49211 (1.0.0)
    package49212 (1.0.0)
    package49213 (1.0.0)
    package49214 (1.0.0)
    package49215 (1.0.0)
    package49216 (1.0.0)
    package49217 (1.0.0)
    package49218 (1.0.0)
    package49219 (1.0.0)
    package49220 (1.0.0)
    package49221 (1.0.0)
    package49222 (1.0.0)
    package49223 (1.0.0)
    package49224 (1.0.0)
    package49225 (1.0.0)
    package49226 (1.0.0)
    package49227 (1.0.0)
    package49228 (1.0.0)
    package49229 (1.0.0)
    package49230 (1.0.0)
    package49231 (1.0.0)
    package49232 (1.0.0)
    package49233 (1.0.0)
    package49234 (1.0.0)
    package49235 (1.0.0)
    package49236 (1.0.0)
    package49237 (1.0.0)
    package49238 (1.0.0)
    package49239 (1.0.0)
    package49240 (1.0.0)
    package49241 (1.0.0)
    package49242 (1.0.0)
    package49243 (1.0.0)
    package49244 (1.0.0)
    package49245 (1.0.0)
    package49246 (1.0.0)
    package49247 (1.0.0)
    package49248 (1.0.0)
    package49249 (1.0.0)
    package49250 (1.0.0)
    package49251 (1.0.0)
    package49252 (1.0.0)
    package49253 (1.0.0)
    package49254 (1.0.0)
    package49255 (1.0.0)
    package49256 (1.0.0)
    package49257 (1.0.0)
    package49258 (1.0.0)
    package49259 (1.0.0)
    package49260 (1.0.0)
    package49261 (1.0.0)
    package49262 (1.0.0)
    package49263 (1.0.0)
    package49264 (1.0.0)
    package49265 (1.0.0)
    package49266 (1.0.0)
    package49267 (1.0.0)
    package49268 (1.0.0)
    package49269 (1.0.0)
    package49270 (1.0.0)
    package49271 (1.0.0)
    package49272 (1.0.0)
    package49273 (1.0.0)
    package49274 (1.0.0)
    package49275 (1.0.0)
    package49276 (1.0.0)
    package49277 (1.0.0)
    package49278 (1.0.0)
    package49279 (1.0.0)
    package49280 (1.0.0)
    package49281 (1.0.0)
    package49282 (1.0.0)
    package49283 (1.0.0)
    package49284 (1.0.0)
    package49285 (1.0.0)
    package49286 (1.0.0)
    package49287 (1.0.0)
    package49288 (1.0.0)
    package49289 (1.0.0)
    package49290 (1.0.0)
    package49291 (1.0.0)
    package49292 (1.0.0)
    package49293 (1.0.0)
    package49294 (1.0.0)
    package49295 (1.0.0)
    package49296 (1.0.0)
    package49297 (1.0.0)
    package49298 (1.0.0)
    package49299 (1.0.0)
    package49300 (1.0.0)
    package49301 (1.0.0)
    package49302 (1.0.0)
    package49303 (1.0.0)
    package49304 (1.0.0)
    package49305 (1.0.0)
    package49306 (1.0.0)
    package49307 (1.0.0)
    package49308 (1.0.0)
    package49309 (1.0.0)
    package49310 (1.0.0)
    package49311 (1.0.0)
    package49312 (1.0.0)
    package49313 (1.0.0)
    package49314 (1.0.0)
    package49315 (1.0.0)
    package49316 (1.0.0)
    package49317 (1.0.0)
    package49318 (1.0.0)
    package49319 (1.0.0)
    package49320 (1.0.0)
    package49321 (1.0.0)
    package49322 (1.0.0)
    package49323 (1.0.0)
    package49324 (1.0.0)
    package49325 (1.0.0)
    package49326 (1.0.0)
    package49327 (1.0.0)
    package49328 (1.0.0)
    package49329 (1.0.0)
    package49330 (1.0.0)
    package49331 (1.0.0)
    package49332 (1.0.0)
    package49333 (1.0.0)
    package49334 (1.0.0)
    package49335 (1.0.0)
    package49336 (1.0.0)
    package49337 (1.0.0)
    package49338 (1.0.0)
    package49339 (1.0.0)
    package49340 (1.0.0)
    package49341 (1.0.0)
    package49342 (1.0.0)
    package49343 (1.0.0)
    package49344 (1.0.0)
    package49345 (1.0.0)
    package49346 (1.0.0)
    package49347 (1.0.0)
    package49348 (1.0.0)
    package49349 (1.0.0)
    package49350 (1.0.0)
    package49351 (1.0.0)
    package49352 (1.0.0)
    package49353 (1.0.0)
    package49354 (1.0.0)
    package49355 (1.0.0)
    package49356 (1.0.0)
    package49357 (1.0.0)
    package49358 (1.0.0)
    package49359 (1.0.0)
    package49360 (1.0.0)
    package49361 (1.0.0)
    package49362 (1.0.0)
    package49363 (1.0.0)
    package49364 (1.0.0)
    package49365 (1.0.0)
    package49366 (1.0.0)
    package49367 (1.0.0)
    package49368 (1.0.0)
    package49369 (1.0.0)
    package49370 (1.0.0)
    package49371 (1.0.0)
    package49372 (1.0.0)
    package49373 (1.0.0)
    package49374 (1.0.0)
    package49375 (1.0.0)
    package49376 (1.0.0)
    package49377 (1.0.0)
    package49378 (1.0.0)
    package49379 (1.0.0)
    package49380 (1.0.0)
    package49381 (1.0.0)
    package49382 (1.0.0)
    package49383 (1.0.0)
    package49384 (1.0.0)
    package49385 (1.0.0)
    package49386 (1.0.0)
    package49387 (1.0.0)
    package49388 (1.0.0)
    package49389 (1.0.0)
    package49390 (1.0.0)
    package49391 (1.0.0)
    package49392 (1.0.0)
    package49393 (1.0.0)
    package49394 (1.0.0)
    package49395 (1.0.0)
    package49396 (1.0.0)
    package49397 (1.0.0)
    package49398 (1.0.0)
    package49399 (1.0.0)
    package49400 (1.0.0)
    package49401 (1.0.0)
    package49402 (1.0.0)
    package49403 (1.0.0)
    package49404 (1.0.0)
    package49405 (1.0.0)
    package49406 (1.0.0)
    package49407 (1.0.0)
    package49408 (1.0.0)
    package49409 (1.0.0)
    package49410 (1.0.0)
    package49411 (1.0.0)
    package49412 (1.0.0)
    package49413 (1.0.0)
    package49414 (1.0.0)
    package49415 (1.0.0)
    package49416 (1.0.0)
    package49417 (1.0.0)
    package49418 (1.0.0)
    package49419 (1.0.0)
    package49420 (1.0.0)
    package49421 (1.0.0)
    package49422 (1.0.0)
    package49423 (1.0.0)
    package49424 (1.0.0)
    package49425 (1.0.0)
    package49426 (1.0.0)
    package49427 (1.0.0)
    package49428 (1.0.0)
    package49429 (1.0.0)
    package49430 (1.0.0)
    package49431 (1.0.0)
    package49432 (1.0.0)
    package49433 (1.0.0)
    package49434 (1.0.0)
    package49435 (1.0.0)
    package49436 (1.0.0)
    package49437 (1.0.0)
    package49438 (1.0.0)
    package49439 (1.0.0)
    package49440 (1.0.0)
    package49441 (1.0.0)
    package49442 (1.0.0)
    package49443 (1.0.0)
    package49444 (1.0.0)
    package49445 (1.0.0)
    package49446 (1.0.0)
    package49447 (1.0.0)
    package49448 (1.0.0)
    package49449 (1.0.0)
    package49450 (1.0.0)
    package49451 (1.0.0)
    package49452 (1.0.0)
    package49453 (1.0.0)
    package49454 (1.0.0)
    package49455 (1.0.0)
    package49456 (1.0.0)
    package49457 (1.0.0)
    package49458 (1.0.0)
    package49459 (1.0.0)
    package49460 (1.0.0)
    package49461 (1.0.0)
    package49462 (1.0.0)
    package49463 (1.0.0)
    package49464 (1.0.0)
    package49465 (1.0.0)
    package49466 (1.0.0)
    package49467 (1.0.0)
    package49468 (1.0.0)
    package49469 (1.0.0)
    package49470 (1.0.0)
    package49471 (1.0.0)
    package49472 (1.0.0)
    package49473 (1.0.0)
    package49474 (1.0.0)
    package49475 (1.0.0)
    package49476 (1.0.0)
    package49477 (1.0.0)
    package49478 (1.0.0)
    package49479 (1.0.0)
    package49480 (1.0.0)
    package49481 (1.0.0)
    package49482 (1.0.0)
    package49483 (1.0.0)
    package49484 (1.0.0)
    package49485 (1.0.0)
    package49486 (1.0.0)
    package49487 (1.0.0)
    package49488 (1.0.0)
    package49489 (1.0.0)
    package49490 (1.0.0)
    package49491 (1.0.0)
    package49492 (1.0.0)
    package49493 (1.0.0)
    package49494 (1.0.0)
    package49495 (1.0.0)
    package49496 (1.0.0)
    package49497 (1.0.0)
    package49498 (1.0.0)
    package49499 (1.0.0)
    package49500 (1.0.0)
    package49501 (1.0.0)
    package49502 (1.0.0)
    package49503 (1.0.0)
    package49504 (1.0.0)
    package49505 (1.0.0)
    package49506 (1.0.0)
    package49507 (1.0.0)
    package49508 (1.0.0)
    package49509 (1.0.0)
    package49510 (1.0.0)
    package49511 (1.0.0)
    package49512 (1.0.0)
    package49513 (1.0.0)
    package49514 (1.0.0)
    package49515 (1.0.0)
    package49516 (1.0.0)
    package49517 (1.0.0)
    package49518 (1.0.0)
    package49519 (1.0.0)
    package49520 (1.0.0)
    package49521 (1.0.0)
    package49522 (1.0.0)
    package49523 (1.0.0)
    package49524 (1.0.0)
    package49525 (1.0.0)
    package49526 (1.0.0)
    package49527 (1.0.0)
    package49528 (1.0.0)
    package49529 (1.0.0)
    package49530 (1.0.0)
    package49531 (1.0.0)
    package49532 (1.0.0)
    package49533 (1.0.0)
    package49534 (1.0.0)
    package49535 (1.0.0)
    package49536 (1.0.0)
    package49537 (1.0.0)
    package49538 (1.0.0)
    package49539 (1.0.0)
    package49540 (1.0.0)
    package49541 (1.0.0)
    package49542 (1.0.0)
    package49543 (1.0.0)
    package49544 (1.0.0)
    package49545 (1.0.0)
    package49546 (1.0.0)
    package49547 (1.0.0)
    package49548 (1.0.0)
    package49549 (1.0.0)
    package49550 (1.0.0)
    package49551 (1.0.0)
    package49552 (1.0.0)
    package49553 (1.0.0)
    package49554 (1.0.0)
    package49555 (1.0.0)
    package49556 (1.0.0)
    package49557 (1.0.0)
    package49558 (1.0.0)
    package49559 (1.0.0)
    package49560 (1.0.0)
    package49561 (1.0.0)
    package49562 (1.0.0)
    package49563 (1.0.0)
    package49564 (1.0.0)
    package49565 (1.0.0)
    package49566 (1.0.0)
    package49567 (1.0.0)
    package49568 (1.0.0)
    package49569 (1.0.0)
    package49570 (1.0.0)
    package49571 (1.0.0)
    package49572 (1.0.0)
    package49573 (1.0.0)
    package49574 (1.0.0)
    package49575 (1.0.0)
    package49576 (1.0.0)
    package49577 (1.0.0)
    package49578 (1.0.0)
    package49579 (1.0.0)
    package49580 (1.0.0)
    package49581 (1.0.0)
    package49582 (1.0.0)
    package49583 (1.0.0)
    package49584 (1.0.0)
    package49585 (1.0.0)
    package49586 (1.0.0)
    package49587 (1.0.0)
    package49588 (1.0.0)
    package49589 (1.0.0)
    package49590 (1.0.0)
    package49591 (1.0.0)
    package49592 (1.0.0)
    package49593 (1.0.0)
    package49594 (1.0.0)
    package49595 (1.0.0)
    package49596 (1.0.0)
    package49597 (1.0.0)
    package49598 (1.0.0)
    package49599 (1.0.0)
    package49600 (1.0.0)
    package49601 (1.0.0)
    package49602 (1.0.0)
    package49603 (1.0.0)
    package49604 (1.0.0)
    package49605 (1.0.0)
    package49606 (1.0.0)
    package49607 (1.0.0)
    package49608 (1.0.0)
    package49609 (1.0.0)
    package49610 (1.0.0)
    package49611 (1.0.0)
    package49612 (1.0.0)
    package49613 (1.0.0)
    package49614 (1.0.0)
    package49615 (1.0.0)
    package49616 (1.0.0)
    package49617 (1.0.0)
    package49618 (1.0.0)
    package49619 (1.0.0)
    package49620 (1.0.0)
    package49621 (1.0.0)
    package49622 (1.0.0)
    package49623 (1.0.0)
    package49624 (1.0.0)
    package49625 (1.0.0)
    package49626 (1.0.0)
    package49627 (1.0.0)
    package49628 (1.0.0)
    package49629 (1.0.0)
    package49630 (1.0.0)
    package49631 (1.0.0)
    package49632 (1.0.0)
    package49633 (1.0.0)
    package49634 (1.0.0)
    package49635 (1.0.0)
    package49636 (1.0.0)
    package49637 (1.0.0)
    package49638 (1.0.0)
    package49639 (1.0.0)
    package49640 (1.0.0)
    package49641 (1.0.0)
    package49642 (1.0.0)
    package49643 (1.0.0)
    package49644 (1.0.0)
    package49645 (1.0.0)
    package49646 (1.0.0)
    package49647 (1.0.0)
    package49648 (1.0.0)
    package49649 (1.0.0)
    package49650 (1.0.0)
    package49651 (1.0.0)
    package49652 (1.0.0)
    package49653 (1.0.0)
    package49654 (1.0.0)
    package49655 (1.0.0)
    package49656 (1.0.0)
    package49657 (1.0.0)
    package49658 (1.0.0)
    package49659 (1.0.0)
    package49660 (1.0.0)
    package49661 (1.0.0)
    package49662 (1.0.0)
    package49663 (1.0.0)
    package49664 (1.0.0)
    package49665 (1.0.0)
    package49666 (1.0.0)
    package49667 (1.0.0)
    package49668 (1.0.0)
    package49669 (1.0.0)
    package49670 (1.0.0)
    package49671 (1.0.0)
    package49672 (1.0.0)
    package49673 (1.0.0)
    package49674 (1.0.0)
    package49675 (1.0.0)
    package49676 (1.0.0)
    package49677 (1.0.0)
    package49678 (1.0.0)
    package49679 (1.0.0)
    package49680 (1.0.0)
    package49681 (1.0.0)
    package49682 (1.0.0)
    package49683 (1.0.0)
    package49684 (1.0.0)
    package49685 (1.0.0)
    package49686 (1.0.0)
    package49687 (1.0.0)
    package49688 (1.0.0)
    package49689 (1.0.0)
    package49690 (1.0.0)
    package49691 (1.0.0)
    package49692 (1.0.0)
    package49693 (1.0.0)
    package49694 (1.0.0)
    package49695 (1.0.0)
    package49696 (1.0.0)
    package49697 (1.0.0)
    package49698 (1.0.0)
    package49699 (1.0.0)
    package49700 (1.0.0)
    package49701 (1.0.0)
    package49702 (1.0.0)
    package49703 (1.0.0)
    package49704 (1.0.0)
    package49705 (1.0.0)
    package49706 (1.0.0)
    package49707 (1.0.0)
    package49708 (1.0.0)
    package49709 (1.0.0)
    package49710 (1.0.0)
    package49711 (1.0.0)
    package49712 (1.0.0)
    package49713 (1.0.0)
    package49714 (1.0.0)
    package49715 (1.0.0)
    package49716 (1.0.0)
    package49717 (1.0.0)
    package49718 (1.0.0)
    package49719 (1.0.0)
    package49720 (1.0.0)
    package49721 (1.0.0)
    package49722 (1.0.0)
    package49723 (1.0.0)
    package49724 (1.0.0)
    package49725 (1.0.0)
    package49726 (1.0.0)
    package49727 (1.0.0)
    package49728 (1.0.0)
    package49729 (1.0.0)
    package49730 (1.0.0)
    package49731 (1.0.0)
    package49732 (1.0.0)
    package49733 (1.0.0)
    package49734 (1.0.0)
    package49735 (1.0.0)
    package49736 (1.0.0)
    package49737 (1.0.0)
    package49738 (1.0.0)
    package49739 (1.0.0)
    package49740 (1.0.0)
    package49741 (1.0.0)
    package49742 (1.0.0)
    package49743 (1.0.0)
    package49744 (1.0.0)
    package49745 (1.0.0)
    package49746 (1.0.0)
    package49747 (1.0.0)
    package49748 (1.0.0)
    package49749 (1.0.0)
    package49750 (1.0.0)
    package49751 (1.0.0)
    package49752 (1.0.0)
    package49753 (1.0.0)
    package49754 (1.0.0)
    package49755 (1.0.0)
    package49756 (1.0.0)
    package49757 (1.0.0)
    package49758 (1.0.0)
    package49759 (1.0.0)
    package49760 (1.0.0)
    package49761 (1.0.0)
    package49762 (1.0.0)
    package49763 (1.0.0)
    package49764 (1.0.0)
    package49765 (1.0.0)
    package49766 (1.0.0)
    package49767 (1.0.0)
    package49768 (1.0.0)
    package49769 (1.0.0)
    package49770 (1.0.0)
    package49771 (1.0.0)
    package49772 (1.0.0)
    package49773 (1.0.0)
    package49774 (1.0.0)
    package49775 (1.0.0)
    package49776 (1.0.0)
    package49777 (1.0.0)
    package49778 (1.0.0)
    package49779 (1.0.0)
    package49780 (1.0.0)
    package49781 (1.0.0)
    package49782 (1.0.0)
    package49783 (1.0.0)
    package49784 (1.0.0)
    package49785 (1.0.0)
    package49786 (1.0.0)
    package49787 (1.0.0)
    package49788 (1.0.0)
    package49789 (1.0.0)
    package49790 (1.0.0)
    package49791 (1.0.0)
    package49792 (1.0.0)
    package49793 (1.0.0)
    package49794 (1.0.0)
    package49795 (1.0.0)
    package49796 (1.0.0)
    package49797 (1.0.0)
    package49798 (1.0.0)
    package49799 (1.0.0)
    package49800 (1.0.0)
    package49801 (1.0.0)
    package49802 (1.0.0)
    package49803 (1.0.0)
    package49804 (1.0.0)
    package49805 (1.0.0)
    package49806 (1.0.0)
    package49807 (1.0.0)
    package49808 (1.0.0)
    package49809 (1.0.0)
    package49810 (1.0.0)
    package49811 (1.0.0)
    package49812 (1.0.0)
    package49813 (1.0.0)
    package49814 (1.0.0)
    package49815 (1.0.0)
    package49816 (1.0.0)
    package49817 (1.0.0)
    package49818 (1.0.0)
    package49819 (1.0.0)
    package49820 (1.0.0)
    package49821 (1.0.0)
    package49822 (1.0.0)
    package49823 (1.0.0)
    package49824 (1.0.0)
    package49825 (1.0.0)
    package49826 (1.0.0)
    package49827 (1.0.0)
    package49828 (1.0.0)
    package49829 (1.0.0)
    package49830 (1.0.0)
    package49831 (1.0.0)
    package49832 (1.0.0)
    package49833 (1.0.0)
    package49834 (1.0.0)
    package49835 (1.0.0)
    package49836 (1.0.0)
    package49837 (1.0.0)
    package49838 (1.0.0)
    package49839 (1.0.0)
    package49840 (1.0.0)
    package49841 (1.0.0)
    package49842 (1.0.0)
    package49843 (1.0.0)
    package49844 (1.0.0)
    package49845 (1.0.0)
    package49846 (1.0.0)
    package49847 (1.0.0)
    package49848 (1.0.0)
    package49849 (1.0.0)
    package49850 (1.0.0)
    package49851 (1.0.0)
    package49852 (1.0.0)
    package49853 (1.0.0)
    package49854 (1.0.0)
    package49855 (1.0.0)
    package49856 (1.0.0)
    package49857 (1.0.0)
    package49858 (1.0.0)
    package49859 (1.0.0)
    package49860 (1.0.0)
    package49861 (1.0.0)
    package49862 (1.0.0)
    package49863 (1.0.0)
    package49864 (1.0.0)
    package49865 (1.0.0)
    package49866 (1.0.0)
    package49867 (1.0.0)
    package49868 (1.0.0)
    package49869 (1.0.0)
    package49870 (1.0.0)
    package49871 (1.0.0)
    package49872 (1.0.0)
    package49873 (1.0.0)
    package49874 (1.0.0)
    package49875 (1.0.0)
    package49876 (1.0.0)
    package49877 (1.0.0)
    package49878 (1.0.0)
    package49879 (1.0.0)
    package49880 (1.0.0)
    package49881 (1.0.0)
    package49882 (1.0.0)
    package49883 (1.0.0)
    package49884 (1.0.0)
    package49885 (1.0.0)
    package49886 (1.0.0)
    package49887 (1.0.0)
    package49888 (1.0.0)
    package49889 (1.0.0)
    package49890 (1.0.0)
    package49891 (1.0.0)
    package49892 (1.0.0)
    package49893 (1.0.0)
    package49894 (1.0.0)
    package49895 (1.0.0)
    package49896 (1.0.0)
    package49897 (1.0.0)
    package49898 (1.0.0)
    package49899 (1.0.0)
    package49900 (1.0.0)
    package49901 (1.0.0)
    package49902 (1.0.0)
    package49903 (1.0.0)
    package49904 (1.0.0)
    package49905 (1.0.0)
    package49906 (1.0.0)
    package49907 (1.0.0)
    package49908 (1.0.0)
    package49909 (1.0.0)
    package49910 (1.0.0)
    package49911 (1.0.0)
    package49912 (1.0.0)
    package49913 (1.0.0)
    package49914 (1.0.0)
    package49915 (1.0.0)
    package49916 (1.0.0)
    package49917 (1.0.0)
    package49918 (1.0.0)
    package49919 (1.0.0)
    package49920 (1.0.0)
    package49921 (1.0.0)
    package49922 (1.0.0)
    package49923 (1.0.0)
    package49924 (1.0.0)
    package49925 (1.0.0)
    package49926 (1.0.0)
    package49927 (1.0.0)
    package49928 (1.0.0)
    package49929 (1.0.0)
    package49930 (1.0.0)
    package49931 (1.0.0)
    package49932 (1.0.0)
    package49933 (1.0.0)
    package49934 (1.0.0)
    package49935 (1.0.0)
    package49936 (1.0.0)
    package49937 (1.0.0)
    package49938 (1.0.0)
    package49939 (1.0.0)
    package49940 (1.0.0)
    package49941 (1.0.0)
    package49942 (1.0.0)
    package49943 (1.0.0)
    package49944 (1.0.0)
    package49945 (1.0.0)
    package49946 (1.0.0)
    package49947 (1.0.0)
    package49948 (1.0.0)
    package49949 (1.0.0)
    package49950 (1.0.0)
    package49951 (1.0.0)
    package49952 (1.0.0)
    package49953 (1.0.0)
    package49954 (1.0.0)
    package49955 (1.0.0)
    package49956 (1.0.0)
    package49957 (1.0.0)
    package49958 (1.0.0)
    package49959 (1.0.0)
    package49960 (1.0.0)
    package49961 (1.0.0)
    package49962 (1.0.0)
    package49963 (1.0.0)
    package49964 (1.0.0)
    package49965 (1.0.0)
    package49966 (1.0.0)
    package49967 (1.0.0)
    package49968 (1.0.0)
    package49969 (1.0.0)
    package49970 (1.0.0)
    package49971 (1.0.0)
    package49972 (1.0.0)
    package49973 (1.0.0)
    package49974 (1.0.0)
    package49975 (1.0.0)
    package49976 (1.0.0)
    package49977 (1.0.0)
    package49978 (1.0.0)
    package49979 (1.0.0)
    package49980 (1.0.0)
    package49981 (1.0.0)
    package49982 (1.0.0)
    package49983 (1.0.0)
    package49984 (1.0.0)
    package49985 (1.0.0)
    package49986 (1.0.0)
    package49987 (1.0.0)
    package49988 (1.0.0)
    package49989 (1.0.0)
    package49990 (1.0.0)
    package49991 (1.0.0)
    package49992 (1.0.0)
    package49993 (1.0.0)
    package49994 (1.0.0)
    package49995 (1.0.0)
    package49996 (1.0.0)
    package49997 (1.0.0)
    package49998 (1.0.0)
    package49999 (1.0.0)
    package50000 (1.0.0)
    package50001 (1.0.0)
    package50002 (1.0.0)
    package50003 (1.0.0)
    package50004 (1.0.0)
    package50005 (1.0.0)
    package50006 (1.0.0)
    package50007 (1.0.0)
    package50008 (1.0.0)
    package50009 (1.0.0)
    package50010 (1.0.0)
    package50011 (1.0.0)
    package50012 (1.0.0)
    package50013 (1.0.0)
    package50014 (1.0.0)
    package50015 (1.0.0)
    package50016 (1.0.0)
    package50017 (1.0.0)
    package50018 (1.0.0)
    package50019 (1.0.0)
    package50020 (1.0.0)
    package50021 (1.0.0)
    package50022 (1.0.0)
    package50023 (1.0.0)
    package50024 (1.0.0)
    package50025 (1.0.0)
    package50026 (1.0.0)
    package50027 (1.0.0)
    package50028 (1.0.0)
    package50029 (1.0.0)
    package50030 (1.0.0)
    package50031 (1.0.0)
    package50032 (1.0.0)
    package50033 (1.0.0)
    package50034 (1.0.0)
    package50035 (1.0.0)
    package50036 (1.0.0)
    package50037 (1.0.0)
    package50038 (1.0.0)
    package50039 (1.0.0)
    package50040 (1.0.0)
    package50041 (1.0.0)
    package50042 (1.0.0)
    package50043 (1.0.0)
    package50044 (1.0.0)
    package50045 (1.0.0)
    package50046 (1.0.0)
    package50047 (1.0.0)
    package50048 (1.0.0)
    package50049 (1.0.0)
    package50050 (1.0.0)
    package50051 (1.0.0)
    package50052 (1.0.0)
    package50053 (1.0.0)
    package50054 (1.0.0)
    package50055 (1.0.0)
    package50056 (1.0.0)
    package50057 (1.0.0)
    package50058 (1.0.0)
    package50059 (1.0.0)
    package50060 (1.0.0)
    package50061 (1.0.0)
    package50062 (1.0.0)
    package50063 (1.0.0)
    package50064 (1.0.0)
    package50065 (1.0.0)
    package50066 (1.0.0)
    package50067 (1.0.0)
    package50068 (1.0.0)
    package50069 (1.0.0)
    package50070 (1.0.0)
    package50071 (1.0.0)
    package50072 (1.0.0)
    package50073 (1.0.0)
    package50074 (1.0.0)
    package50075 (1.0.0)
    package50076 (1.0.0)
    package50077 (1.0.0)
    package50078 (1.0.0)
    package50079 (1.0.0)
    package50080 (1.0.0)
    package50081 (1.0.0)
    package50082 (1.0.0)
    package50083 (1.0.0)
    package50084 (1.0.0)
    package50085 (1.0.0)
    package50086 (1.0.0)
    package50087 (1.0.0)
    package50088 (1.0.0)
    package50089 (1.0.0)
    package50090 (1.0.0)
    package50091 (1.0.0)
    package50092 (1.0.0)
    package50093 (1.0.0)
    package50094 (1.0.0)
    package50095 (1.0.0)
    package50096 (1.0.0)
    package50097 (1.0.0)
    package50098 (1.0.0)
    package50099 (1.0.0)
    package50100 (1.0.0)
    package50101 (1.0.0)
    package50102 (1.0.0)
    package50103 (1.0.0)
    package50104 (1.0.0)
    package50105 (1.0.0)
    package50106 (1.0.0)
    package50107 (1.0.0)
    package50108 (1.0.0)
    package50109 (1.0.0)
    package50110 (1.0.0)
    package50111 (1.0.0)
    package50112 (1.0.0)
    package50113 (1.0.0)
    package50114 (1.0.0)
    package50115 (1.0.0)
    package50116 (1.0.0)
    package50117 (1.0.0)
    package50118 (1.0.0)
    package50119 (1.0.0)
    package50120 (1.0.0)
    package50121 (1.0.0)
    package50122 (1.0.0)
    package50123 (1.0.0)
    package50124 (1.0.0)
    package50125 (1.0.0)
    package50126 (1.0.0)
    package50127 (1.0.0)
    package50128 (1.0.0)
    package50129 (1.0.0)
    package50130 (1.0.0)
    package50131 (1.0.0)
    package50132 (1.0.0)
    package50133 (1.0.0)
    package50134 (1.0.0)
    package50135 (1.0.0)
    package50136 (1.0.0)
    package50137 (1.0.0)
    package50138 (1.0.0)
    package50139 (1.0.0)
    package50140 (1.0.0)
    package50141 (1.0.0)
    package50142 (1.0.0)
    package50143 (1.0.0)
    package50144 (1.0.0)
    package50145 (1.0.0)
    package50146 (1.0.0)
    package50147 (1.0.0)
    package50148 (1.0.0)
    package50149 (1.0.0)
    package50150 (1.0.0)
    package50151 (1.0.0)
    package50152 (1.0.0)
    package50153 (1.0.0)
    package50154 (1.0.0)
    package50155 (1.0.0)
    package50156 (1.0.0)
    package50157 (1.0.0)
    package50158 (1.0.0)
    package50159 (1.0.0)
    package50160 (1.0.0)
    package50161 (1.0.0)
    package50162 (1.0.0)
    package50163 (1.0.0)
    package50164 (1.0.0)
    package50165 (1.0.0)
    package50166 (1.0.0)
    package50167 (1.0.0)
    package50168 (1.0.0)
    package50169 (1.0.0)
    package50170 (1.0.0)
    package50171 (1.0.0)
    package50172 (1.0.0)
    package50173 (1.0.0)
    package50174 (1.0.0)
    package50175 (1.0.0)
    package50176 (1.0.0)
    package50177 (1.0.0)
    package50178 (1.0.0)
    package50179 (1.0.0)
    package50180 (1.0.0)
    package50181 (1.0.0)
    package50182 (1.0.0)
    package50183 (1.0.0)
    package50184 (1.0.0)
    package50185 (1.0.0)
    package50186 (1.0.0)
    package50187 (1.0.0)
    package50188 (1.0.0)
    package50189 (1.0.0)
    package50190 (1.0.0)
    package50191 (1.0.0)
    package50192 (1.0.0)
    package50193 (1.0.0)
    package50194 (1.0.0)
    package50195 (1.0.0)
    package50196 (1.0.0)
    package50197 (1.0.0)
    package50198 (1.0.0)
    package50199 (1.0.0)
    package50200 (1.0.0)
    package50201 (1.0.0)
    package50202 (1.0.0)
    package50203 (1.0.0)
    package50204 (1.0.0)
    package50205 (1.0.0)
    package50206 (1.0.0)
    package50207 (1.0.0)
    package50208 (1.0.0)
    package50209 (1.0.0)
    package50210 (1.0.0)
    package50211 (1.0.0)
    package50212 (1.0.0)
    package50213 (1.0.0)
    package50214 (1.0.0)
    package50215 (1.0.0)
    package50216 (1.0.0)
    package50217 (1.0.0)
    package50218 (1.0.0)
    package50219 (1.0.0)
    package50220 (1.0.0)
    package50221 (1.0.0)
    package50222 (1.0.0)
    package50223 (1.0.0)
    package50224 (1.0.0)
    package50225 (1.0.0)
    package50226 (1.0.0)
    package50227 (1.0.0)
    package50228 (1.0.0)
    package50229 (1.0.0)
    package50230 (1.0.0)
    package50231 (1.0.0)
    package50232 (1.0.0)
    package50233 (1.0.0)
    package50234 (1.0.0)
    package50235 (1.0.0)
    package50236 (1.0.0)
    package50237 (1.0.0)
    package50238 (1.0.0)
    package50239 (1.0.0)
    package50240 (1.0.0)
    package50241 (1.0.0)
    package50242 (1.0.0)
    package50243 (1.0.0)
    package50244 (1.0.0)
    package50245 (1.0.0)
    package50246 (1.0.0)
    package50247 (1.0.0)
    package50248 (1.0.0)
    package50249 (1.0.0)
    package50250 (1.0.0)
    package50251 (1.0.0)
    package50252 (1.0.0)
    package50253 (1.0.0)
    package50254 (1.0.0)
    package50255 (1.0.0)
    package50256 (1.0.0)
    package50257 (1.0.0)
    package50258 (1.0.0)
    package50259 (1.0.0)
    package50260 (1.0.0)
    package50261 (1.0.0)
    package50262 (1.0.0)
    package50263 (1.0.0)
    package50264 (1.0.0)
    package50265 (1.0.0)
    package50266 (1.0.0)
    package50267 (1.0.0)
    package50268 (1.0.0)
    package50269 (1.0.0)
    package50270 (1.0.0)
    package50271 (1.0.0)
    package50272 (1.0.0)
    package50273 (1.0.0)
    package50274 (1.0.0)
    package50275 (1.0.0)
    package50276 (1.0.0)
    package50277 (1.0.0)
    package50278 (1.0.0)
    package50279 (1.0.0)
    package50280 (1.0.0)
    package50281 (1.0.0)
    package50282 (1.0.0)
    package50283 (1.0.0)
    package50284 (1.0.0)
    package50285 (1.0.0)
    package50286 (1.0.0)
    package50287 (1.0.0)
    package50288 (1.0.0)
    package50289 (1.0.0)
    package50290 (1.0.0)
    package50291 (1.0.0)
    package50292 (1.0.0)
    package50293 (1.0.0)
    package50294 (1.0.0)
    package50295 (1.0.0)
    package50296 (1.0.0)
    package50297 (1.0.0)
    package50298 (1.0.0)
    package50299 (1.0.0)
    package50300 (1.0.0)
    package50301 (1.0.0)
    package50302 (1.0.0)
    package50303 (1.0.0)
    package50304 (1.0.0)
    package50305 (1.0.0)
    package50306 (1.0.0)
    package50307 (1.0.0)
    package50308 (1.0.0)
    package50309 (1.0.0)
    package50310 (1.0.0)
    package50311 (1.0.0)
    package50312 (1.0.0)
    package50313 (1.0.0)
    package50314 (1.0.0)
    package50315 (1.0.0)
    package50316 (1.0.0)
    package50317 (1.0.0)
    package50318 (1.0.0)
    package50319 (1.0.0)
    package50320 (1.0.0)
    package50321 (1.0.0)
    package50322 (1.0.0)
    package50323 (1.0.0)
    package50324 (1.0.0)
    package50325 (1.0.0)
    package50326 (1.0.0)
    package50327 (1.0.0)
    package50328 (1.0.0)
    package50329 (1.0.0)
    package50330 (1.0.0)
    package50331 (1.0.0)
    package50332 (1.0.0)
    package50333 (1.0.0)
    package50334 (1.0.0)
    package50335 (1.0.0)
    package50336 (1.0.0)
    package50337 (1.0.0)
    package50338 (1.0.0)
    package50339 (1.0.0)
    package50340 (1.0.0)
    package50341 (1.0.0)
    package50342 (1.0.0)
    package50343 (1.0.0)
    package50344 (1.0.0)
    package50345 (1.0.0)
    package50346 (1.0.0)
    package50347 (1.0.0)
    package50348 (1.0.0)
    package50349 (1.0.0)
    package50350 (1.0.0)
    package50351 (1.0.0)
    package50352 (1.0.0)
    package50353 (1.0.0)
    package50354 (1.0.0)
    package50355 (1.0.0)
    package50356 (1.0.0)
    package50357 (1.0.0)
    package50358 (1.0.0)
    package50359 (1.0.0)
    package50360 (1.0.0)
    package50361 (1.0.0)
    package50362 (1.0.0)
    package50363 (1.0.0)
    package50364 (1.0.0)
    package50365 (1.0.0)
    package50366 (1.0.0)
    package50367 (1.0.0)
    package50368 (1.0.0)
    package50369 (1.0.0)
    package50370 (1.0.0)
    package50371 (1.0.0)
    package50372 (1.0.0)
    package50373 (1.0.0)
    package50374 (1.0.0)
    package50375 (1.0.0)
    package50376 (1.0.0)
    package50377 (1.0.0)
    package50378 (1.0.0)
    package50379 (1.0.0)
    package50380 (1.0.0)
    package50381 (1.0.0)
    package50382 (1.0.0)
    package50383 (1.0.0)
    package50384 (1.0.0)
    package50385 (1.0.0)
    package50386 (1.0.0)
    package50387 (1.0.0)
    package50388 (1.0.0)
    package50389 (1.0.0)
    package50390 (1.0.0)
    package50391 (1.0.0)
    package50392 (1.0.0)
    package50393 (1.0.0)
    package50394 (1.0.0)
    package50395 (1.0.0)
    package50396 (1.0.0)
    package50397 (1.0.0)
    package50398 (1.0.0)
    package50399 (1.0.0)
    package50400 (1.0.0)
    package50401 (1.0.0)
    package50402 (1.0.0)
    package50403 (1.0.0)
    package50404 (1.0.0)
    package50405 (1.0.0)
    package50406 (1.0.0)
    package50407 (1.0.0)
    package50408 (1.0.0)
    package50409 (1.0.0)
    package50410 (1.0.0)
    package50411 (1.0.0)
    package50412 (1.0.0)
    package50413 (1.0.0)
    package50414 (1.0.0)
    package50415 (1.0.0)
    package50416 (1.0.0)
    package50417 (1.0.0)
    package50418 (1.0.0)
    package50419 (1.0.0)
    package50420 (1.0.0)
    package50421 (1.0.0)
    package50422 (1.0.0)
    package50423 (1.0.0)
    package50424 (1.0.0)
    package50425 (1.0.0)
    package50426 (1.0.0)
    package50427 (1.0.0)
    package50428 (1.0.0)
    package50429 (1.0.0)
    package50430 (1.0.0)
    package50431 (1.0.0)
    package50432 (1.0.0)
    package50433 (1.0.0)
    package50434 (1.0.0)
    package50435 (1.0.0)
    package50436 (1.0.0)
    package50437 (1.0.0)
    package50438 (1.0.0)
    package50439 (1.0.0)
    package50440 (1.0.0)
    package50441 (1.0.0)
    package50442 (1.0.0)
    package50443 (1.0.0)
    package50444 (1.0.0)
    package50445 (1.0.0)
    package50446 (1.0.0)
    package50447 (1.0.0)
    package50448 (1.0.0)
    package50449 (1.0.0)
    package50450 (1.0.0)
    package50451 (1.0.0)
    package50452 (1.0.0)
    package50453 (1.0.0)
    package50454 (1.0.0)
    package50455 (1.0.0)
    package50456 (1.0.0)
    package50457 (1.0.0)
    package50458 (1.0.0)
    package50459 (1.0.0)
    package50460 (1.0.0)
    package50461 (1.0.0)
    package50462 (1.0.0)
    package50463 (1.0.0)
    package50464 (1.0.0)
    package50465 (1.0.0)
    package50466 (1.0.0)
    package50467 (1.0.0)
    package50468 (1.0.0)
    package50469 (1.0.0)
    package50470 (1.0.0)
    package50471 (1.0.0)
    package50472 (1.0.0)
    package50473 (1.0.0)
    package50474 (1.0.0)
    package50475 (1.0.0)
    package50476 (1.0.0)
    package50477 (1.0.0)
    package50478 (1.0.0)
    package50479 (1.0.0)
    package50480 (1.0.0)
    package50481 (1.0.0)
    package50482 (1.0.0)
    package50483 (1.0.0)
    package50484 (1.0.0)
    package50485 (1.0.0)
    package50486 (1.0.0)
    package50487 (1.0.0)
    package50488 (1.0.0)
    package50489 (1.0.0)
    package50490 (1.0.0)
    package50491 (1.0.0)
    package50492 (1.0.0)
    package50493 (1.0.0)
    package50494 (1.0.0)
    package50495 (1.0.0)
    package50496 (1.0.0)
    package50497 (1.0.0)
    package50498 (1.0.0)
    package50499 (1.0.0)
    package50500 (1.0.0)
    package50501 (1.0.0)
    package50502 (1.0.0)
    package50503 (1.0.0)
    package50504 (1.0.0)
    package50505 (1.0.0)
    package50506 (1.0.0)
    package50507 (1.0.0)
    package50508 (1.0.0)
    package50509 (1.0.0)
    package50510 (1.0.0)
    package50511 (1.0.0)
    package50512 (1.0.0)
    package50513 (1.0.0)
    package50514 (1.0.0)
    package50515 (1.0.0)
    package50516 (1.0.0)
    package50517 (1.0.0)
    package50518 (1.0.0)
    package50519 (1.0.0)
    package50520 (1.0.0)
    package50521 (1.0.0)
    package50522 (1.0.0)
    package50523 (1.0.0)
    package50524 (1.0.0)
    package50525 (1.0.0)
    package50526 (1.0.0)
    package50527 (1.0.0)
    package50528 (1.0.0)
    package50529 (1.0.0)
    package50530 (1.0.0)
    package50531 (1.0.0)
    package50532 (1.0.0)
    package50533 (1.0.0)
    package50534 (1.0.0)
    package50535 (1.0.0)
    package50536 (1.0.0)
    package50537 (1.0.0)
    package50538 (1.0.0)
    package50539 (1.0.0)
    package50540 (1.0.0)
    package50541 (1.0.0)
    package50542 (1.0.0)
    package50543 (1.0.0)
    package50544 (1.0.0)
    package50545 (1.0.0)
    package50546 (1.0.0)
    package50547 (1.0.0)
    package50548 (1.0.0)
    package50549 (1.0.0)
    package50550 (1.0.0)
    package50551 (1.0.0)
    package50552 (1.0.0)
    package50553 (1.0.0)
    package50554 (1.0.0)
    package50555 (1.0.0)
    package50556 (1.0.0)
    package50557 (1.0.0)
    package50558 (1.0.0)
    package50559 (1.0.0)
    package50560 (1.0.0)
    package50561 (1.0.0)
    package50562 (1.0.0)
    package50563 (1.0.0)
    package50564 (1.0.0)
    package50565 (1.0.0)
    package50566 (1.0.0)
    package50567 (1.0.0)
    package50568 (1.0.0)
    package50569 (1.0.0)
    package50570 (1.0.0)
    package50571 (1.0.0)
    package50572 (1.0.0)
    package50573 (1.0.0)
    package50574 (1.0.0)
    package50575 (1.0.0)
    package50576 (1.0.0)
    package50577 (1.0.0)
    package50578 (1.0.0)
    package50579 (1.0.0)
    package50580 (1.0.0)
    package50581 (1.0.0)
    package50582 (1.0.0)
    package50583 (1.0.0)
    package50584 (1.0.0)
    package50585 (1.0.0)
    package50586 (1.0.0)
    package50587 (1.0.0)
    package50588 (1.0.0)
    package50589 (1.0.0)
    package50590 (1.0.0)
    package50591 (1.0.0)
    package50592 (1.0.0)
    package50593 (1.0.0)
    package50594 (1.0.0)
    package50595 (1.0.0)
    package50596 (1.0.0)
    package50597 (1.0.0)
    package50598 (1.0.0)
    package50599 (1.0.0)
    package50600 (1.0.0)
    package50601 (1.0.0)
    package50602 (1.0.0)
    package50603 (1.0.0)
    package50604 (1.0.0)
    package50605 (1.0.0)
    package50606 (1.0.0)
    package50607 (1.0.0)
    package50608 (1.0.0)
    package50609 (1.0.0)
    package50610 (1.0.0)
    package50611 (1.0.0)
    package50612 (1.0.0)
    package50613 (1.0.0)
    package50614 (1.0.0)
    package50615 (1.0.0)
    package50616 (1.0.0)
    package50617 (1.0.0)
    package50618 (1.0.0)
    package50619 (1.0.0)
    package50620 (1.0.0)
    package50621 (1.0.0)
    package50622 (1.0.0)
    package50623 (1.0.0)
    package50624 (1.0.0)
    package50625 (1.0.0)
    package50626 (1.0.0)
    package50627 (1.0.0)
    package50628 (1.0.0)
    package50629 (1.0.0)
    package50630 (1.0.0)
    package50631 (1.0.0)
    package50632 (1.0.0)
    package50633 (1.0.0)
    package50634 (1.0.0)
    package50635 (1.0.0)
    package50636 (1.0.0)
    package50637 (1.0.0)
    package50638 (1.0.0)
    package50639 (1.0.0)
    package50640 (1.0.0)
    package50641 (1.0.0)
    package50642 (1.0.0)
    package50643 (1.0.0)
    package50644 (1.0.0)
    package50645 (1.0.0)
    package50646 (1.0.0)
    package50647 (1.0.0)
    package50648 (1.0.0)
    package50649 (1.0.0)
    package50650 (1.0.0)
    package50651 (1.0.0)
    package50652 (1.0.0)
    package50653 (1.0.0)
    package50654 (1.0.0)
    package50655 (1.0.0)
    package50656 (1.0.0)
    package50657 (1.0.0)
    package50658 (1.0.0)
    package50659 (1.0.0)
    package50660 (1.0.0)
    package50661 (1.0.0)
    package50662 (1.0.0)
    package50663 (1.0.0)
    package50664 (1.0.0)
    package50665 (1.0.0)
    package50666 (1.0.0)
    package50667 (1.0.0)
    package50668 (1.0.0)
    package50669 (1.0.0)
    package50670 (1.0.0)
    package50671 (1.0.0)
    package50672 (1.0.0)
    package50673 (1.0.0)
    package50674 (1.0.0)
    package50675 (1.0.0)
    package50676 (1.0.0)
    package50677 (1.0.0)
    package50678 (1.0.0)
    package50679 (1.0.0)
    package50680 (1.0.0)
    package50681 (1.0.0)
    package50682 (1.0.0)
    package50683 (1.0.0)
    package50684 (1.0.0)
    package50685 (1.0.0)
    package50686 (1.0.0)
    package50687 (1.0.0)
    package50688 (1.0.0)
    package50689 (1.0.0)
    package50690 (1.0.0)
    package50691 (1.0.0)
    package50692 (1.0.0)
    package50693 (1.0.0)
    package50694 (1.0.0)
    package50695 (1.0.0)
    package50696 (1.0.0)
    package50697 (1.0.0)
    package50698 (1.0.0)
    package50699 (1.0.0)
    package50700 (1.0.0)
    package50701 (1.0.0)
    package50702 (1.0.0)
    package50703 (1.0.0)
    package50704 (1.0.0)
    package50705 (1.0.0)
    package50706 (1.0.0)
    package50707 (1.0.0)
    package50708 (1.0.0)
    package50709 (1.0.0)
    package50710 (1.0.0)
    package50711 (1.0.0)
    package50712 (1.0.0)
    package50713 (1.0.0)
    package50714 (1.0.0)
    package50715 (1.0.0)
    package50716 (1.0.0)
    package50717 (1.0.0)
    package50718 (1.0.0)
    package50719 (1.0.0)
    package50720 (1.0.0)
    package50721 (1.0.0)
    package50722 (1.0.0)
    package50723 (1.0.0)
    package50724 (1.0.0)
    package50725 (1.0.0)
    package50726 (1.0.0)
    package50727 (1.0.0)
    package50728 (1.0.0)
    package50729 (1.0.0)
    package50730 (1.0.0)
    package50731 (1.0.0)
    package50732 (1.0.0)
    package50733 (1.0.0)
    package50734 (1.0.0)
    package50735 (1.0.0)
    package50736 (1.0.0)
    package50737 (1.0.0)
    package50738 (1.0.0)
    package50739 (1.0.0)
    package50740 (1.0.0)
    package50741 (1.0.0)
    package50742 (1.0.0)
    package50743 (1.0.0)
    package50744 (1.0.0)
    package50745 (1.0.0)
    package50746 (1.0.0)
    package50747 (1.0.0)
    package50748 (1.0.0)
    package50749 (1.0.0)
    package50750 (1.0.0)
    package50751 (1.0.0)
    package50752 (1.0.0)
    package50753 (1.0.0)
    package50754 (1.0.0)
    package50755 (1.0.0)
    package50756 (1.0.0)
    package50757 (1.0.0)
    package50758 (1.0.0)
    package50759 (1.0.0)
    package50760 (1.0.0)
    package50761 (1.0.0)
    package50762 (1.0.0)
    package50763 (1.0.0)
    package50764 (1.0.0)
    package50765 (1.0.0)
    package50766 (1.0.0)
    package50767 (1.0.0)
    package50768 (1.0.0)
    package50769 (1.0.0)
    package50770 (1.0.0)
    package50771 (1.0.0)
    package50772 (1.0.0)
    package50773 (1.0.0)
    package50774 (1.0.0)
    package50775 (1.0.0)
    package50776 (1.0.0)
    package50777 (1.0.0)
    package50778 (1.0.0)
    package50779 (1.0.0)
    package50780 (1.0.0)
    package50781 (1.0.0)
    package50782 (1.0.0)
    package50783 (1.0.0)
    package50784 (1.0.0)
    package50785 (1.0.0)
    package50786 (1.0.0)
    package50787 (1.0.0)
    package50788 (1.0.0)
    package50789 (1.0.0)
    package50790 (1.0.0)
    package50791 (1.0.0)
    package50792 (1.0.0)
    package50793 (1.0.0)
    package50794 (1.0.0)
    package50795 (1.0.0)
    package50796 (1.0.0)
    package50797 (1.0.0)
    package50798 (1.0.0)
    package50799 (1.0.0)
    package50800 (1.0.0)
    package50801 (1.0.0)
    package50802 (1.0.0)
    package50803 (1.0.0)
    package50804 (1.0.0)
    package50805 (1.0.0)
    package50806 (1.0.0)
    package50807 (1.0.0)
    package50808 (1.0.0)
    package50809 (1.0.0)
    package50810 (1.0.0)
    package50811 (1.0.0)
    package50812 (1.0.0)
    package50813 (1.0.0)
    package50814 (1.0.0)
    package50815 (1.0.0)
    package50816 (1.0.0)
    package50817 (1.0.0)
    package50818 (1.0.0)
    package50819 (1.0.0)
    package50820 (1.0.0)
    package50821 (1.0.0)
    package50822 (1.0.0)
    package50823 (1.0.0)
    package50824 (1.0.0)
    package50825 (1.0.0)
    package50826 (1.0.0)
    package50827 (1.0.0)
    package50828 (1.0.0)
    package50829 (1.0.0)
    package50830 (1.0.0)
    package50831 (1.0.0)
    package50832 (1.0.0)
    package50833 (1.0.0)
    package50834 (1.0.0)
    package50835 (1.0.0)
    package50836 (1.0.0)
    package50837 (1.0.0)
    package50838 (1.0.0)
    package50839 (1.0.0)
    package50840 (1.0.0)
    package50841 (1.0.0)
    package50842 (1.0.0)
    package50843 (1.0.0)
    package50844 (1.0.0)
    package50845 (1.0.0)
    package50846 (1.0.0)
    package50847 (1.0.0)
    package50848 (1.0.0)
    package50849 (1.0.0)
    package50850 (1.0.0)
    package50851 (1.0.0)
    package50852 (1.0.0)
    package50853 (1.0.0)
    package50854 (1.0.0)
    package50855 (1.0.0)
    package50856 (1.0.0)
    package50857 (1.0.0)
    package50858 (1.0.0)
    package50859 (1.0.0)
    package50860 (1.0.0)
    package50861 (1.0.0)
    package50862 (1.0.0)
    package50863 (1.0.0)
    package50864 (1.0.0)
    package50865 (1.0.0)
    package50866 (1.0.0)
    package50867 (1.0.0)
    package50868 (1.0.0)
    package50869 (1.0.0)
    package50870 (1.0.0)
    package50871 (1.0.0)
    package50872 (1.0.0)
    package50873 (1.0.0)
    package50874 (1.0.0)
    package50875 (1.0.0)
    package50876 (1.0.0)
    package50877 (1.0.0)
    package50878 (1.0.0)
    package50879 (1.0.0)
    package50880 (1.0.0)
    package50881 (1.0.0)
    package50882 (1.0.0)
    package50883 (1.0.0)
    package50884 (1.0.0)
    package50885 (1.0.0)
    package50886 (1.0.0)
    package50887 (1.0.0)
    package50888 (1.0.0)
    package50889 (1.0.0)
    package50890 (1.0.0)
    package50891 (1.0.0)
    package50892 (1.0.0)
    package50893 (1.0.0)
    package50894 (1.0.0)
    package50895 (1.0.0)
    package50896 (1.0.0)
    package50897 (1.0.0)
    package50898 (1.0.0)
    package50899 (1.0.0)
    package50900 (1.0.0)
    package50901 (1.0.0)
    package50902 (1.0.0)
    package50903 (1.0.0)
    package50904 (1.0.0)
    package50905 (1.0.0)
    package50906 (1.0.0)
    package50907 (1.0.0)
    package50908 (1.0.0)
    package50909 (1.0.0)
    package50910 (1.0.0)
    package50911 (1.0.0)
    package50912 (1.0.0)
    package50913 (1.0.0)
    package50914 (1.0.0)
    package50915 (1.0.0)
    package50916 (1.0.0)
    package50917 (1.0.0)
    package50918 (1.0.0)
    package50919 (1.0.0)
    package50920 (1.0.0)
    package50921 (1.0.0)
    package50922 (1.0.0)
    package50923 (1.0.0)
    package50924 (1.0.0)
    package50925 (1.0.0)
    package50926 (1.0.0)
    package50927 (1.0.0)
    package50928 (1.0.0)
    package50929 (1.0.0)
    package50930 (1.0.0)
    package50931 (1.0.0)
    package50932 (1.0.0)
    package50933 (1.0.0)
    package50934 (1.0.0)
    package50935 (1.0.0)
    package50936 (1.0.0)
    package50937 (1.0.0)
    package50938 (1.0.0)
    package50939 (1.0.0)
    package50940 (1.0.0)
    package50941 (1.0.0)
    package50942 (1.0.0)
    package50943 (1.0.0)
    package50944 (1.0.0)
    package50945 (1.0.0)
    package50946 (1.0.0)
    package50947 (1.0.0)
    package50948 (1.0.0)
    package50949 (1.0.0)
    package50950 (1.0.0)
    package50951 (1.0.0)
    package50952 (1.0.0)
    package50953 (1.0.0)
    package50954 (1.0.0)
    package50955 (1.0.0)
    package50956 (1.0.0)
    package50957 (1.0.0)
    package50958 (1.0.0)
    package50959 (1.0.0)
    package50960 (1.0.0)
    package50961 (1.0.0)
    package50962 (1.0.0)
    package50963 (1.0.0)
    package50964 (1.0.0)
    package50965 (1.0.0)
    package50966 (1.0.0)
    package50967 (1.0.0)
    package50968 (1.0.0)
    package50969 (1.0.0)
    package50970 (1.0.0)
    package50971 (1.0.0)
    package50972 (1.0.0)
    package50973 (1.0.0)
    package50974 (1.0.0)
    package50975 (1.0.0)
    package50976 (1.0.0)
    package50977 (1.0.0)
    package50978 (1.0.0)
    package50979 (1.0.0)
    package50980 (1.0.0)
    package50981 (1.0.0)
    package50982 (1.0.0)
    package50983 (1.0.0)
    package50984 (1.0.0)
    package50985 (1.0.0)
    package50986 (1.0.0)
    package50987 (1.0.0)
    package50988 (1.0.0)
    package50989 (1.0.0)
    package50990 (1.0.0)
    package50991 (1.0.0)
    package50992 (1.0.0)
    package50993 (1.0.0)
    package50994 (1.0.0)
    package50995 (1.0.0)
    package50996 (1.0.0)
    package50997 (1.0.0)
    package50998 (1.0.0)
    package50999 (1.0.0)
    package51000 (1.0.0)
    package51001 (1.0.0)
    package51002 (1.0.0)
    package51003 (1.0.0)
    package51004 (1.0.0)
    package51005 (1.0.0)
    package51006 (1.0.0)
    package51007 (1.0.0)
    package51008 (1.0.0)
    package51009 (1.0.0)
    package51010 (1.0.0)
    package51011 (1.0.0)
    package51012 (1.0.0)
    package51013 (1.0.0)
    package51014 (1.0.0)
    package51015 (1.0.0)
    package51016 (1.0.0)
    package51017 (1.0.0)
    package51018 (1.0.0)
    package51019 (1.0.0)
    package51020 (1.0.0)
    package51021 (1.0.0)
    package51022 (1.0.0)
    package51023 (1.0.0)
    package51024 (1.0.0)
    package51025 (1.0.0)
    package51026 (1.0.0)
    package51027 (1.0.0)
    package51028 (1.0.0)
    package51029 (1.0.0)
    package51030 (1.0.0)
    package51031 (1.0.0)
    package51032 (1.0.0)
    package51033 (1.0.0)
    package51034 (1.0.0)
    package51035 (1.0.0)
    package51036 (1.0.0)
    package51037 (1.0.0)
    package51038 (1.0.0)
    package51039 (1.0.0)
    package51040 (1.0.0)
    package51041 (1.0.0)
    package51042 (1.0.0)
    package51043 (1.0.0)
    package51044 (1.0.0)
    package51045 (1.0.0)
    package51046 (1.0.0)
    package51047 (1.0.0)
    package51048 (1.0.0)
    package51049 (1.0.0)
    package51050 (1.0.0)
    package51051 (1.0.0)
    package51052 (1.0.0)
    package51053 (1.0.0)
    package51054 (1.0.0)
    package51055 (1.0.0)
    package51056 (1.0.0)
    package51057 (1.0.0)
    package51058 (1.0.0)
    package51059 (1.0.0)
    package51060 (1.0.0)
    package51061 (1.0.0)
    package51062 (1.0.0)
    package51063 (1.0.0)
    package51064 (1.0.0)
    package51065 (1.0.0)
    package51066 (1.0.0)
    package51067 (1.0.0)
    package51068 (1.0.0)
    package51069 (1.0.0)
    package51070 (1.0.0)
    package51071 (1.0.0)
    package51072 (1.0.0)
    package51073 (1.0.0)
    package51074 (1.0.0)
    package51075 (1.0.0)
    package51076 (1.0.0)
    package51077 (1.0.0)
    package51078 (1.0.0)
    package51079 (1.0.0)
    package51080 (1.0.0)
    package51081 (1.0.0)
    package51082 (1.0.0)
    package51083 (1.0.0)
    package51084 (1.0.0)
    package51085 (1.0.0)
    package51086 (1.0.0)
    package51087 (1.0.0)
    package51088 (1.0.0)
    package51089 (1.0.0)
    package51090 (1.0.0)
    package51091 (1.0.0)
    package51092 (1.0.0)
    package51093 (1.0.0)
    package51094 (1.0.0)
    package51095 (1.0.0)
    package51096 (1.0.0)
    package51097 (1.0.0)
    package51098 (1.0.0)
    package51099 (1.0.0)
    package51100 (1.0.0)
    package51101 (1.0.0)
    package51102 (1.0.0)
    package51103 (1.0.0)
    package51104 (1.0.0)
    package51105 (1.0.0)
    package51106 (1.0.0)
    package51107 (1.0.0)
    package51108 (1.0.0)
    package51109 (1.0.0)
    package51110 (1.0.0)
    package51111 (1.0.0)
    package51112 (1.0.0)
    package51113 (1.0.0)
    package51114 (1.0.0)
    package51115 (1.0.0)
    package51116 (1.0.0)
    package51117 (1.0.0)
    package51118 (1.0.0)
    package51119 (1.0.0)
    package51120 (1.0.0)
    package51121 (1.0.0)
    package51122 (1.0.0)
    package51123 (1.0.0)
    package51124 (1.0.0)
    package51125 (1.0.0)
    package51126 (1.0.0)
    package51127 (1.0.0)
    package51128 (1.0.0)
    package51129 (1.0.0)
    package51130 (1.0.0)
    package51131 (1.0.0)
    package51132 (1.0.0)
    package51133 (1.0.0)
    package51134 (1.0.0)
    package51135 (1.0.0)
    package51136 (1.0.0)
    package51137 (1.0.0)
    package51138 (1.0.0)
    package51139 (1.0.0)
    package51140 (1.0.0)
    package51141 (1.0.0)
    package51142 (1.0.0)
    package51143 (1.0.0)
    package51144 (1.0.0)
    package51145 (1.0.0)
    package51146 (1.0.0)
    package51147 (1.0.0)
    package51148 (1.0.0)
    package51149 (1.0.0)
    package51150 (1.0.0)
    package51151 (1.0.0)
    package51152 (1.0.0)
    package51153 (1.0.0)
    package51154 (1.0.0)
    package51155 (1.0.0)
    package51156 (1.0.0)
    package51157 (1.0.0)
    package51158 (1.0.0)
    package51159 (1.0.0)
    package51160 (1.0.0)
    package51161 (1.0.0)
    package51162 (1.0.0)
    package51163 (1.0.0)
    package51164 (1.0.0)
    package51165 (1.0.0)
    package51166 (1.0.0)
    package51167 (1.0.0)
    package51168 (1.0.0)
    package51169 (1.0.0)
    package51170 (1.0.0)
    package51171 (1.0.0)
    package51172 (1.0.0)
    package51173 (1.0.0)
    package51174 (1.0.0)
    package51175 (1.0.0)
    package51176 (1.0.0)
    package51177 (1.0.0)
    package51178 (1.0.0)
    package51179 (1.0.0)
    package51180 (1.0.0)
    package51181 (1.0.0)
    package51182 (1.0.0)
    package51183 (1.0.0)
    package51184 (1.0.0)
    package51185 (1.0.0)
    package51186 (1.0.0)
    package51187 (1.0.0)
    package51188 (1.0.0)
    package51189 (1.0.0)
    package51190 (1.0.0)
    package51191 (1.0.0)
    package51192 (1.0.0)
    package51193 (1.0.0)
    package51194 (1.0.0)
    package51195 (1.0.0)
    package51196 (1.0.0)
    package51197 (1.0.0)
    package51198 (1.0.0)
    package51199 (1.0.0)
    package51200 (1.0.0)
    package51201 (1.0.0)
    package51202 (1.0.0)
    package51203 (1.0.0)
    package51204 (1.0.0)
    package51205 (1.0.0)
    package51206 (1.0.0)
    package51207 (1.0.0)
    package51208 (1.0.0)
    package51209 (1.0.0)
    package51210 (1.0.0)
    package51211 (1.0.0)
    package51212 (1.0.0)
    package51213 (1.0.0)
    package51214 (1.0.0)
    package51215 (1.0.0)
    package51216 (1.0.0)
    package51217 (1.0.0)
    package51218 (1.0.0)
    package51219 (1.0.0)
    package51220 (1.0.0)
    package51221 (1.0.0)
    package51222 (1.0.0)
    package51223 (1.0.0)
    package51224 (1.0.0)
    package51225 (1.0.0)
    package51226 (1.0.0)
    package51227 (1.0.0)
    package51228 (1.0.0)
    package51229 (1.0.0)
    package51230 (1.0.0)
    package51231 (1.0.0)
    package51232 (1.0.0)
    package51233 (1.0.0)
    package51234 (1.0.0)
    package51235 (1.0.0)
    package51236 (1.0.0)
    package51237 (1.0.0)
    package51238 (1.0.0)
    package51239 (1.0.0)
    package51240 (1.0.0)
    package51241 (1.0.0)
    package51242 (1.0.0)
    package51243 (1.0.0)
    package51244 (1.0.0)
    package51245 (1.0.0)
    package51246 (1.0.0)
    package51247 (1.0.0)
    package51248 (1.0.0)
    package51249 (1.0.0)
    package51250 (1.0.0)
    package51251 (1.0.0)
    package51252 (1.0.0)
    package51253 (1.0.0)
    package51254 (1.0.0)
    package51255 (1.0.0)
    package51256 (1.0.0)
    package51257 (1.0.0)
    package51258 (1.0.0)
    package51259 (1.0.0)
    package51260 (1.0.0)
    package51261 (1.0.0)
    package51262 (1.0.0)
    package51263 (1.0.0)
    package51264 (1.0.0)
    package51265 (1.0.0)
    package51266 (1.0.0)
    package51267 (1.0.0)
    package51268 (1.0.0)
    package51269 (1.0.0)
    package51270 (1.0.0)
    package51271 (1.0.0)
    package51272 (1.0.0)
    package51273 (1.0.0)
    package51274 (1.0.0)
    package51275 (1.0.0)
    package51276 (1.0.0)
    package51277 (1.0.0)
    package51278 (1.0.0)
    package51279 (1.0.0)
    package51280 (1.0.0)
    package51281 (1.0.0)
    package51282 (1.0.0)
    package51283 (1.0.0)
    package51284 (1.0.0)
    package51285 (1.0.0)
    package51286 (1.0.0)
    package51287 (1.0.0)
    package51288 (1.0.0)
    package51289 (1.0.0)
    package51290 (1.0.0)
    package51291 (1.0.0)
    package51292 (1.0.0)
    package51293 (1.0.0)
    package51294 (1.0.0)
    package51295 (1.0.0)
    package51296 (1.0.0)
    package51297 (1.0.0)
    package51298 (1.0.0)
    package51299 (1.0.0)
    package51300 (1.0.0)
    package51301 (1.0.0)
    package51302 (1.0.0)
    package51303 (1.0.0)
    package51304 (1.0.0)
    package51305 (1.0.0)
    package51306 (1.0.0)
    package51307 (1.0.0)
    package51308 (1.0.0)
    package51309 (1.0.0)
    package51310 (1.0.0)
    package51311 (1.0.0)
    package51312 (1.0.0)
    package51313 (1.0.0)
    package51314 (1.0.0)
    package51315 (1.0.0)
    package51316 (1.0.0)
    package51317 (1.0.0)
    package51318 (1.0.0)
    package51319 (1.0.0)
    package51320 (1.0.0)
    package51321 (1.0.0)
    package51322 (1.0.0)
    package51323 (1.0.0)
    package51324 (1.0.0)
    package51325 (1.0.0)
    package51326 (1.0.0)
    package51327 (1.0.0)
    package51328 (1.0.0)
    package51329 (1.0.0)
    package51330 (1.0.0)
    package51331 (1.0.0)
    package51332 (1.0.0)
    package51333 (1.0.0)
    package51334 (1.0.0)
    package51335 (1.0.0)
    package51336 (1.0.0)
    package51337 (1.0.0)
    package51338 (1.0.0)
    package51339 (1.0.0)
    package51340 (1.0.0)
    package51341 (1.0.0)
    package51342 (1.0.0)
    package51343 (1.0.0)
    package51344 (1.0.0)
    package51345 (1.0.0)
    package51346 (1.0.0)
    package51347 (1.0.0)
    package51348 (1.0.0)
    package51349 (1.0.0)
    package51350 (1.0.0)
    package51351 (1.0.0)
    package51352 (1.0.0)
    package51353 (1.0.0)
    package51354 (1.0.0)
    package51355 (1.0.0)
    package51356 (1.0.0)
    package51357 (1.0.0)
    package51358 (1.0.0)
    package51359 (1.0.0)
    package51360 (1.0.0)
    package51361 (1.0.0)
    package51362 (1.0.0)
    package51363 (1.0.0)
    package51364 (1.0.0)
    package51365 (1.0.0)
    package51366 (1.0.0)
    package51367 (1.0.0)
    package51368 (1.0.0)
    package51369 (1.0.0)
    package51370 (1.0.0)
    package51371 (1.0.0)
    package51372 (1.0.0)
    package51373 (1.0.0)
    package51374 (1.0.0)
    package51375 (1.0.0)
    package51376 (1.0.0)
    package51377 (1.0.0)
    package51378 (1.0.0)
    package51379 (1.0.0)
    package51380 (1.0.0)
    package51381 (1.0.0)
    package51382 (1.0.0)
    package51383 (1.0.0)
    package51384 (1.0.0)
    package51385 (1.0.0)
    package51386 (1.0.0)
    package51387 (1.0.0)
    package51388 (1.0.0)
    package51389 (1.0.0)
    package51390 (1.0.0)
    package51391 (1.0.0)
    package51392 (1.0.0)
    package51393 (1.0.0)
    package51394 (1.0.0)
    package51395 (1.0.0)
    package51396 (1.0.0)
    package51397 (1.0.0)
    package51398 (1.0.0)
    package51399 (1.0.0)
    package51400 (1.0.0)
    package51401 (1.0.0)
    package51402 (1.0.0)
    package51403 (1.0.0)
    package51404 (1.0.0)
    package51405 (1.0.0)
    package51406 (1.0.0)
    package51407 (1.0.0)
    package51408 (1.0.0)
    package51409 (1.0.0)
    package51410 (1.0.0)
    package51411 (1.0.0)
    package51412 (1.0.0)
    package51413 (1.0.0)
    package51414 (1.0.0)
    package51415 (1.0.0)
    package51416 (1.0.0)
    package51417 (1.0.0)
    package51418 (1.0.0)
    package51419 (1.0.0)
    package51420 (1.0.0)
    package51421 (1.0.0)
    package51422 (1.0.0)
    package51423 (1.0.0)
    package51424 (1.0.0)
    package51425 (1.0.0)
    package51426 (1.0.0)
    package51427 (1.0.0)
    package51428 (1.0.0)
    package51429 (1.0.0)
    package51430 (1.0.0)
    package51431 (1.0.0)
    package51432 (1.0.0)
    package51433 (1.0.0)
    package51434 (1.0.0)
    package51435 (1.0.0)
    package51436 (1.0.0)
    package51437 (1.0.0)
    package51438 (1.0.0)
    package51439 (1.0.0)
    package51440 (1.0.0)
    package51441 (1.0.0)
    package51442 (1.0.0)
    package51443 (1.0.0)
    package51444 (1.0.0)
    package51445 (1.0.0)
    package51446 (1.0.0)
    package51447 (1.0.0)
    package51448 (1.0.0)
    package51449 (1.0.0)
    package51450 (1.0.0)
    package51451 (1.0.0)
    package51452 (1.0.0)
    package51453 (1.0.0)
    package51454 (1.0.0)
    package51455 (1.0.0)
    package51456 (1.0.0)
    package51457 (1.0.0)
    package51458 (1.0.0)
    package51459 (1.0.0)
    package51460 (1.0.0)
    package51461 (1.0.0)
    package51462 (1.0.0)
    package51463 (1.0.0)
    package51464 (1.0.0)
    package51465 (1.0.0)
    package51466 (1.0.0)
    package51467 (1.0.0)
    package51468 (1.0.0)
    package51469 (1.0.0)
    package51470 (1.0.0)
    package51471 (1.0.0)
    package51472 (1.0.0)
    package51473 (1.0.0)
    package51474 (1.0.0)
    package51475 (1.0.0)
    package51476 (1.0.0)
    package51477 (1.0.0)
    package51478 (1.0.0)
    package51479 (1.0.0)
    package51480 (1.0.0)
    package51481 (1.0.0)
    package51482 (1.0.0)
    package51483 (1.0.0)
    package51484 (1.0.0)
    package51485 (1.0.0)
    package51486 (1.0.0)
    package51487 (1.0.0)
    package51488 (1.0.0)
    package51489 (1.0.0)
    package51490 (1.0.0)
    package51491 (1.0.0)
    package51492 (1.0.0)
    package51493 (1.0.0)
    package51494 (1.0.0)
    package51495 (1.0.0)
    package51496 (1.0.0)
    package51497 (1.0.0)
    package51498 (1.0.0)
    package51499 (1.0.0)
    package51500 (1.0.0)
    package51501 (1.0.0)
    package51502 (1.0.0)
    package51503 (1.0.0)
    package51504 (1.0.0)
    package51505 (1.0.0)
    package51506 (1.0.0)
    package51507 (1.0.0)
    package51508 (1.0.0)
    package51509 (1.0.0)
    package51510 (1.0.0)
    package51511 (1.0.0)
    package51512 (1.0.0)
    package51513 (1.0.0)
    package51514 (1.0.0)
    package51515 (1.0.0)
    package51516 (1.0.0)
    package51517 (1.0.0)
    package51518 (1.0.0)
    package51519 (1.0.0)
    package51520 (1.0.0)
    package51521 (1.0.0)
    package51522 (1.0.0)
    package51523 (1.0.0)
    package51524 (1.0.0)
    package51525 (1.0.0)
    package51526 (1.0.0)
    package51527 (1.0.0)
    package51528 (1.0.0)
    package51529 (1.0.0)
    package51530 (1.0.0)
    package51531 (1.0.0)
    package51532 (1.0.0)
    package51533 (1.0.0)
    package51534 (1.0.0)
    package51535 (1.0.0)
    package51536 (1.0.0)
    package51537 (1.0.0)
    package51538 (1.0.0)
    package51539 (1.0.0)
    package51540 (1.0.0)
    package51541 (1.0.0)
    package51542 (1.0.0)
    package51543 (1.0.0)
    package51544 (1.0.0)
    package51545 (1.0.0)
    package51546 (1.0.0)
    package51547 (1.0.0)
    package51548 (1.0.0)
    package51549 (1.0.0)
    package51550 (1.0.0)
    package51551 (1.0.0)
    package51552 (1.0.0)
    package51553 (1.0.0)
    package51554 (1.0.0)
    package51555 (1.0.0)
    package51556 (1.0.0)
    package51557 (1.0.0)
    package51558 (1.0.0)
    package51559 (1.0.0)
    package51560 (1.0.0)
    package51561 (1.0.0)
    package51562 (1.0.0)
    package51563 (1.0.0)
    package51564 (1.0.0)
    package51565 (1.0.0)
    package51566 (1.0.0)
    package51567 (1.0.0)
    package51568 (1.0.0)
    package51569 (1.0.0)
    package51570 (1.0.0)
    package51571 (1.0.0)
    package51572 (1.0.0)
    package51573 (1.0.0)
    package51574 (1.0.0)
    package51575 (1.0.0)
    package51576 (1.0.0)
    package51577 (1.0.0)
    package51578 (1.0.0)
    package51579 (1.0.0)
    package51580 (1.0.0)
    package51581 (1.0.0)
    package51582 (1.0.0)
    package51583 (1.0.0)
    package51584 (1.0.0)
    package51585 (1.0.0)
    package51586 (1.0.0)
    package51587 (1.0.0)
    package51588 (1.0.0)
    package51589 (1.0.0)
    package51590 (1.0.0)
    package51591 (1.0.0)
    package51592 (1.0.0)
    package51593 (1.0.0)
    package51594 (1.0.0)
    package51595 (1.0.0)
    package51596 (1.0.0)
    package51597 (1.0.0)
    package51598 (1.0.0)
    package51599 (1.0.0)
    package51600 (1.0.0)
    package51601 (1.0.0)
    package51602 (1.0.0)
    package51603 (1.0.0)
    package51604 (1.0.0)
    package51605 (1.0.0)
    package51606 (1.0.0)
    package51607 (1.0.0)
    package51608 (1.0.0)
    package51609 (1.0.0)
    package51610 (1.0.0)
    package51611 (1.0.0)
    package51612 (1.0.0)
    package51613 (1.0.0)
    package51614 (1.0.0)
    package51615 (1.0.0)
    package51616 (1.0.0)
    package51617 (1.0.0)
    package51618 (1.0.0)
    package51619 (1.0.0)
    package51620 (1.0.0)
    package51621 (1.0.0)
    package51622 (1.0.0)
    package51623 (1.0.0)
    package51624 (1.0.0)
    package51625 (1.0.0)
    package51626 (1.0.0)
    package51627 (1.0.0)
    package51628 (1.0.0)
    package51629 (1.0.0)
    package51630 (1.0.0)
    package51631 (1.0.0)
    package51632 (1.0.0)
    package51633 (1.0.0)
    package51634 (1.0.0)
    package51635 (1.0.0)
    package51636 (1.0.0)
    package51637 (1.0.0)
    package51638 (1.0.0)
    package51639 (1.0.0)
    package51640 (1.0.0)
    package51641 (1.0.0)
    package51642 (1.0.0)
    package51643 (1.0.0)
    package51644 (1.0.0)
    package51645 (1.0.0)
    package51646 (1.0.0)
    package51647 (1.0.0)
    package51648 (1.0.0)
    package51649 (1.0.0)
    package51650 (1.0.0)
    package51651 (1.0.0)
    package51652 (1.0.0)
    package51653 (1.0.0)
    package51654 (1.0.0)
    package51655 (1.0.0)
    package51656 (1.0.0)
    package51657 (1.0.0)
    package51658 (1.0.0)
    package51659 (1.0.0)
    package51660 (1.0.0)
    package51661 (1.0.0)
    package51662 (1.0.0)
    package51663 (1.0.0)
    package51664 (1.0.0)
    package51665 (1.0.0)
    package51666 (1.0.0)
    package51667 (1.0.0)
    package51668 (1.0.0)
    package51669 (1.0.0)
    package51670 (1.0.0)
    package51671 (1.0.0)
    package51672 (1.0.0)
    package51673 (1.0.0)
    package51674 (1.0.0)
    package51675 (1.0.0)
    package51676 (1.0.0)
    package51677 (1.0.0)
    package51678 (1.0.0)
    package51679 (1.0.0)
    package51680 (1.0.0)
    package51681 (1.0.0)
    package51682 (1.0.0)
    package51683 (1.0.0)
    package51684 (1.0.0)
    package51685 (1.0.0)
    package51686 (1.0.0)
    package51687 (1.0.0)
    package51688 (1.0.0)
    package51689 (1.0.0)
    package51690 (1.0.0)
    package51691 (1.0.0)
    package51692 (1.0.0)
    package51693 (1.0.0)
    package51694 (1.0.0)
    package51695 (1.0.0)
    package51696 (1.0.0)
    package51697 (1.0.0)
    package51698 (1.0.0)
    package51699 (1.0.0)
    package51700 (1.0.0)
    package51701 (1.0.0)
    package51702 (1.0.0)
    package51703 (1.0.0)
    package51704 (1.0.0)
    package51705 (1.0.0)
    package51706 (1.0.0)
    package51707 (1.0.0)
    package51708 (1.0.0)
    package51709 (1.0.0)
    package51710 (1.0.0)
    package51711 (1.0.0)
    package51712 (1.0.0)
    package51713 (1.0.0)
    package51714 (1.0.0)
    package51715 (1.0.0)
    package51716 (1.0.0)
    package51717 (1.0.0)
    package51718 (1.0.0)
    package51719 (1.0.0)
    package51720 (1.0.0)
    package51721 (1.0.0)
    package51722 (1.0.0)
    package51723 (1.0.0)
    package51724 (1.0.0)
    package51725 (1.0.0)
    package51726 (1.0.0)
    package51727 (1.0.0)
    package51728 (1.0.0)
    package51729 (1.0.0)
    package51730 (1.0.0)
    package51731 (1.0.0)
    package51732 (1.0.0)
    package51733 (1.0.0)
    package51734 (1.0.0)
    package51735 (1.0.0)
    package51736 (1.0.0)
    package51737 (1.0.0)
    package51738 (1.0.0)
    package51739 (1.0.0)
    package51740 (1.0.0)
    package51741 (1.0.0)
    package51742 (1.0.0)
    package51743 (1.0.0)
    package51744 (1.0.0)
    package51745 (1.0.0)
    package51746 (1.0.0)
    package51747 (1.0.0)
    package51748 (1.0.0)
    package51749 (1.0.0)
    package51750 (1.0.0)
    package51751 (1.0.0)
    package51752 (1.0.0)
    package51753 (1.0.0)
    package51754 (1.0.0)
    package51755 (1.0.0)
    package51756 (1.0.0)
    package51757 (1.0.0)
    package51758 (1.0.0)
    package51759 (1.0.0)
    package51760 (1.0.0)
    package51761 (1.0.0)
    package51762 (1.0.0)
    package51763 (1.0.0)
    package51764 (1.0.0)
    package51765 (1.0.0)
    package51766 (1.0.0)
    package51767 (1.0.0)
    package51768 (1.0.0)
    package51769 (1.0.0)
    package51770 (1.0.0)
    package51771 (1.0.0)
    package51772 (1.0.0)
    package51773 (1.0.0)
    package51774 (1.0.0)
    package51775 (1.0.0)
    package51776 (1.0.0)
    package51777 (1.0.0)
    package51778 (1.0.0)
    package51779 (1.0.0)
    package51780 (1.0.0)
    package51781 (1.0.0)
    package51782 (1.0.0)
    package51783 (1.0.0)
    package51784 (1.0.0)
    package51785 (1.0.0)
    package51786 (1.0.0)
    package51787 (1.0.0)
    package51788 (1.0.0)
    package51789 (1.0.0)
    package51790 (1.0.0)
    package51791 (1.0.0)
    package51792 (1.0.0)
    package51793 (1.0.0)
    package51794 (1.0.0)
    package51795 (1.0.0)
    package51796 (1.0.0)
    package51797 (1.0.0)
    package51798 (1.0.0)
    package51799 (1.0.0)
    package51800 (1.0.0)
    package51801 (1.0.0)
    package51802 (1.0.0)
    package51803 (1.0.0)
    package51804 (1.0.0)
    package51805 (1.0.0)
    package51806 (1.0.0)
    package51807 (1.0.0)
    package51808 (1.0.0)
    package51809 (1.0.0)
    package51810 (1.0.0)
    package51811 (1.0.0)
    package51812 (1.0.0)
    package51813 (1.0.0)
    package51814 (1.0.0)
    package51815 (1.0.0)
    package51816 (1.0.0)
    package51817 (1.0.0)
    package51818 (1.0.0)
    package51819 (1.0.0)
    package51820 (1.0.0)
    package51821 (1.0.0)
    package51822 (1.0.0)
    package51823 (1.0.0)
    package51824 (1.0.0)
    package51825 (1.0.0)
    package51826 (1.0.0)
    package51827 (1.0.0)
    package51828 (1.0.0)
    package51829 (1.0.0)
    package51830 (1.0.0)
    package51831 (1.0.0)
    package51832 (1.0.0)
    package51833 (1.0.0)
    package51834 (1.0.0)
    package51835 (1.0.0)
    package51836 (1.0.0)
    package51837 (1.0.0)
    package51838 (1.0.0)
    package51839 (1.0.0)
    package51840 (1.0.0)
    package51841 (1.0.0)
    package51842 (1.0.0)
    package51843 (1.0.0)
    package51844 (1.0.0)
    package51845 (1.0.0)
    package51846 (1.0.0)
    package51847 (1.0.0)
    package51848 (1.0.0)
    package51849 (1.0.0)
    package51850 (1.0.0)
    package51851 (1.0.0)
    package51852 (1.0.0)
    package51853 (1.0.0)
    package51854 (1.0.0)
    package51855 (1.0.0)
    package51856 (1.0.0)
    package51857 (1.0.0)
    package51858 (1.0.0)
    package51859 (1.0.0)
    package51860 (1.0.0)
    package51861 (1.0.0)
    package51862 (1.0.0)
    package51863 (1.0.0)
    package51864 (1.0.0)
    package51865 (1.0.0)
    package51866 (1.0.0)
    package51867 (1.0.0)
    package51868 (1.0.0)
    package51869 (1.0.0)
    package51870 (1.0.0)
    package51871 (1.0.0)
    package51872 (1.0.0)
    package51873 (1.0.0)
    package51874 (1.0.0)
    package51875 (1.0.0)
    package51876 (1.0.0)
    package51877 (1.0.0)
    package51878 (1.0.0)
    package51879 (1.0.0)
    package51880 (1.0.0)
    package51881 (1.0.0)
    package51882 (1.0.0)
    package51883 (1.0.0)
    package51884 (1.0.0)
    package51885 (1.0.0)
    package51886 (1.0.0)
    package51887 (1.0.0)
    package51888 (1.0.0)
    package51889 (1.0.0)
    package51890 (1.0.0)
    package51891 (1.0.0)
    package51892 (1.0.0)
    package51893 (1.0.0)
    package51894 (1.0.0)
    package51895 (1.0.0)
    package51896 (1.0.0)
    package51897 (1.0.0)
    package51898 (1.0.0)
    package51899 (1.0.0)
    package51900 (1.0.0)
    package51901 (1.0.0)
    package51902 (1.0.0)
    package51903 (1.0.0)
    package51904 (1.0.0)
    package51905 (1.0.0)
    package51906 (1.0.0)
    package51907 (1.0.0)
    package51908 (1.0.0)
    package51909 (1.0.0)
    package51910 (1.0.0)
    package51911 (1.0.0)
    package51912 (1.0.0)
    package51913 (1.0.0)
    package51914 (1.0.0)
    package51915 (1.0.0)
    package51916 (1.0.0)
    package51917 (1.0.0)
    package51918 (1.0.0)
    package51919 (1.0.0)
    package51920 (1.0.0)
    package51921 (1.0.0)
    package51922 (1.0.0)
    package51923 (1.0.0)
    package51924 (1.0.0)
    package51925 (1.0.0)
    package51926 (1.0.0)
    package51927 (1.0.0)
    package51928 (1.0.0)
    package51929 (1.0.0)
    package51930 (1.0.0)
    package51931 (1.0.0)
    package51932 (1.0.0)
    package51933 (1.0.0)
    package51934 (1.0.0)
    package51935 (1.0.0)
    package51936 (1.0.0)
    package51937 (1.0.0)
    package51938 (1.0.0)
    package51939 (1.0.0)
    package51940 (1.0.0)
    package51941 (1.0.0)
    package51942 (1.0.0)
    package51943 (1.0.0)
    package51944 (1.0.0)
    package51945 (1.0.0)
    package51946 (1.0.0)
    package51947 (1.0.0)
    package51948 (1.0.0)
    package51949 (1.0.0)
    package51950 (1.0.0)
    package51951 (1.0.0)
    package51952 (1.0.0)
    package51953 (1.0.0)
    package51954 (1.0.0)
    package51955 (1.0.0)
    package51956 (1.0.0)
    package51957 (1.0.0)
    package51958 (1.0.0)
    package51959 (1.0.0)
    package51960 (1.0.0)
    package51961 (1.0.0)
    package51962 (1.0.0)
    package51963 (1.0.0)
    package51964 (1.0.0)
    package51965 (1.0.0)
    package51966 (1.0.0)
    package51967 (1.0.0)
    package51968 (1.0.0)
    package51969 (1.0.0)
    package51970 (1.0.0)
    package51971 (1.0.0)
    package51972 (1.0.0)
    package51973 (1.0.0)
    package51974 (1.0.0)
    package51975 (1.0.0)
    package51976 (1.0.0)
    package51977 (1.0.0)
    package51978 (1.0.0)
    package51979 (1.0.0)
    package51980 (1.0.0)
    package51981 (1.0.0)
    package51982 (1.0.0)
    package51983 (1.0.0)
    package51984 (1.0.0)
    package51985 (1.0.0)
    package51986 (1.0.0)
    package51987 (1.0.0)
    package51988 (1.0.0)
    package51989 (1.0.0)
    package51990 (1.0.0)
    package51991 (1.0.0)
    package51992 (1.0.0)
    package51993 (1.0.0)
    package51994 (1.0.0)
    package51995 (1.0.0)
    package51996 (1.0.0)
    package51997 (1.0.0)
    package51998 (1.0.0)
    package51999 (1.0.0)
    package52000 (1.0.0)
    package52001 (1.0.0)
    package52002 (1.0.0)
    package52003 (1.0.0)
    package52004 (1.0.0)
    package52005 (1.0.0)
    package52006 (1.0.0)
    package52007 (1.0.0)
    package52008 (1.0.0)
    package52009 (1.0.0)
    package52010 (1.0.0)
    package52011 (1.0.0)
    package52012 (1.0.0)
    package52013 (1.0.0)
    package52014 (1.0.0)
    package52015 (1.0.0)
    package52016 (1.0.0)
    package52017 (1.0.0)
    package52018 (1.0.0)
    package52019 (1.0.0)
    package52020 (1.0.0)
    package52021 (1.0.0)
    package52022 (1.0.0)
    package52023 (1.0.0)
    package52024 (1.0.0)
    package52025 (1.0.0)
    package52026 (1.0.0)
    package52027 (1.0.0)
    package52028 (1.0.0)
    package52029 (1.0.0)
    package52030 (1.0.0)
    package52031 (1.0.0)
    package52032 (1.0.0)
    package52033 (1.0.0)
    package52034 (1.0.0)
    package52035 (1.0.0)
    package52036 (1.0.0)
    package52037 (1.0.0)
    package52038 (1.0.0)
    package52039 (1.0.0)
    package52040 (1.0.0)
    package52041 (1.0.0)
    package52042 (1.0.0)
    package52043 (1.0.0)
    package52044 (1.0.0)
    package52045 (1.0.0)
    package52046 (1.0.0)
    package52047 (1.0.0)
    package52048 (1.0.0)
    package52049 (1.0.0)
    package52050 (1.0.0)
    package52051 (1.0.0)
    package52052 (1.0.0)
    package52053 (1.0.0)
    package52054 (1.0.0)
    package52055 (1.0.0)
    package52056 (1.0.0)
    package52057 (1.0.0)
    package52058 (1.0.0)
    package52059 (1.0.0)
    package52060 (1.0.0)
    package52061 (1.0.0)
    package52062 (1.0.0)
    package52063 (1.0.0)
    package52064 (1.0.0)
    package52065 (1.0.0)
    package52066 (1.0.0)
    package52067 (1.0.0)
    package52068 (1.0.0)
    package52069 (1.0.0)
    package52070 (1.0.0)
    package52071 (1.0.0)
    package52072 (1.0.0)
    package52073 (1.0.0)
    package52074 (1.0.0)
    package52075 (1.0.0)
    package52076 (1.0.0)
    package52077 (1.0.0)
    package52078 (1.0.0)
    package52079 (1.0.0)
    package52080 (1.0.0)
    package52081 (1.0.0)
    package52082 (1.0.0)
    package52083 (1.0.0)
    package52084 (1.0.0)
    package52085 (1.0.0)
    package52086 (1.0.0)
    package52087 (1.0.0)
    package52088 (1.0.0)
    package52089 (1.0.0)
    package52090 (1.0.0)
    package52091 (1.0.0)
    package52092 (1.0.0)
    package52093 (1.0.0)
    package52094 (1.0.0)
    package52095 (1.0.0)
    package52096 (1.0.0)
    package52097 (1.0.0)
    package52098 (1.0.0)
    package52099 (1.0.0)
    package52100 (1.0.0)
    package52101 (1.0.0)
    package52102 (1.0.0)
    package52103 (1.0.0)
    package52104 (1.0.0)
    package52105 (1.0.0)
    package52106 (1.0.0)
    package52107 (1.0.0)
    package52108 (1.0.0)
    package52109 (1.0.0)
    package52110 (1.0.0)
    package52111 (1.0.0)
    package52112 (1.0.0)
    package52113 (1.0.0)
    package52114 (1.0.0)
    package52115 (1.0.0)
    package52116 (1.0.0)
    package52117 (1.0.0)
    package52118 (1.0.0)
    package52119 (1.0.0)
    package52120 (1.0.0)
    package52121 (1.0.0)
    package52122 (1.0.0)
    package52123 (1.0.0)
    package52124 (1.0.0)
    package52125 (1.0.0)
    package52126 (1.0.0)
    package52127 (1.0.0)
    package52128 (1.0.0)
    package52129 (1.0.0)
    package52130 (1.0.0)
    package52131 (1.0.0)
    package52132 (1.0.0)
    package52133 (1.0.0)
    package52134 (1.0.0)
    package52135 (1.0.0)
    package52136 (1.0.0)
    package52137 (1.0.0)
    package52138 (1.0.0)
    package52139 (1.0.0)
    package52140 (1.0.0)
    package52141 (1.0.0)
    package52142 (1.0.0)
    package52143 (1.0.0)
    package52144 (1.0.0)
    package52145 (1.0.0)
    package52146 (1.0.0)
    package52147 (1.0.0)
    package52148 (1.0.0)
    package52149 (1.0.0)
    package52150 (1.0.0)
    package52151 (1.0.0)
    package52152 (1.0.0)
    package52153 (1.0.0)
    package52154 (1.0.0)
    package52155 (1.0.0)
    package52156 (1.0.0)
    package52157 (1.0.0)
    package52158 (1.0.0)
    package52159 (1.0.0)
    package52160 (1.0.0)
    package52161 (1.0.0)
    package52162 (1.0.0)
    package52163 (1.0.0)
    package52164 (1.0.0)
    package52165 (1.0.0)
    package52166 (1.0.0)
    package52167 (1.0.0)
    package52168 (1.0.0)
    package52169 (1.0.0)
    package52170 (1.0.0)
    package52171 (1.0.0)
    package52172 (1.0.0)
    package52173 (1.0.0)
    package52174 (1.0.0)
    package52175 (1.0.0)
    package52176 (1.0.0)
    package52177 (1.0.0)
    package52178 (1.0.0)
    package52179 (1.0.0)
    package52180 (1.0.0)
    package52181 (1.0.0)
    package52182 (1.0.0)
    package52183 (1.0.0)
    package52184 (1.0.0)
    package52185 (1.0.0)
    package52186 (1.0.0)
    package52187 (1.0.0)
    package52188 (1.0.0)
    package52189 (1.0.0)
    package52190 (1.0.0)
    package52191 (1.0.0)
    package52192 (1.0.0)
    package52193 (1.0.0)
    package52194 (1.0.0)
    package52195 (1.0.0)
    package52196 (1.0.0)
    package52197 (1.0.0)
    package52198 (1.0.0)
    package52199 (1.0.0)
    package52200 (1.0.0)
    package52201 (1.0.0)
    package52202 (1.0.0)
    package52203 (1.0.0)
    package52204 (1.0.0)
    package52205 (1.0.0)
    package52206 (1.0.0)
    package52207 (1.0.0)
    package52208 (1.0.0)
    package52209 (1.0.0)
    package52210 (1.0.0)
    package52211 (1.0.0)
    package52212 (1.0.0)
    package52213 (1.0.0)
    package52214 (1.0.0)
    package52215 (1.0.0)
    package52216 (1.0.0)
    package52217 (1.0.0)
    package52218 (1.0.0)
    package52219 (1.0.0)
    package52220 (1.0.0)
    package52221 (1.0.0)
    package52222 (1.0.0)
    package52223 (1.0.0)
    package52224 (1.0.0)
    package52225 (1.0.0)
    package52226 (1.0.0)
    package52227 (1.0.0)
    package52228 (1.0.0)
    package52229 (1.0.0)
    package52230 (1.0.0)
    package52231 (1.0.0)
    package52232 (1.0.0)
    package52233 (1.0.0)
    package52234 (1.0.0)
    package52235 (1.0.0)
    package52236 (1.0.0)
    package52237 (1.0.0)
    package52238 (1.0.0)
    package52239 (1.0.0)
    package52240 (1.0.0)
    package52241 (1.0.0)
    package52242 (1.0.0)
    package52243 (1.0.0)
    package52244 (1.0.0)
    package52245 (1.0.0)
    package52246 (1.0.0)
    package52247 (1.0.0)
    package52248 (1.0.0)
    package52249 (1.0.0)
    package52250 (1.0.0)
    package52251 (1.0.0)
    package52252 (1.0.0)
    package52253 (1.0.0)
    package52254 (1.0.0)
    package52255 (1.0.0)
    package52256 (1.0.0)
    package52257 (1.0.0)
    package52258 (1.0.0)
    package52259 (1.0.0)
    package52260 (1.0.0)
    package52261 (1.0.0)
    package52262 (1.0.0)
    package52263 (1.0.0)
    package52264 (1.0.0)
    package52265 (1.0.0)
    package52266 (1.0.0)
    package52267 (1.0.0)
    package52268 (1.0.0)
    package52269 (1.0.0)
    package52270 (1.0.0)
    package52271 (1.0.0)
    package52272 (1.0.0)
    package52273 (1.0.0)
    package52274 (1.0.0)
    package52275 (1.0.0)
    package52276 (1.0.0)
    package52277 (1.0.0)
    package52278 (1.0.0)
    package52279 (1.0.0)
    package52280 (1.0.0)
    package52281 (1.0.0)
    package52282 (1.0.0)
    package52283 (1.0.0)
    package52284 (1.0.0)
    package52285 (1.0.0)
    package52286 (1.0.0)
    package52287 (1.0.0)
    package52288 (1.0.0)
    package52289 (1.0.0)
    package52290 (1.0.0)
    package52291 (1.0.0)
    package52292 (1.0.0)
    package52293 (1.0.0)
    package52294 (1.0.0)
    package52295 (1.0.0)
    package52296 (1.0.0)
    package52297 (1.0.0)
    package52298 (1.0.0)
    package52299 (1.0.0)
    package52300 (1.0.0)
    package52301 (1.0.0)
    package52302 (1.0.0)
    package52303 (1.0.0)
    package52304 (1.0.0)
    package52305 (1.0.0)
    package52306 (1.0.0)
    package52307 (1.0.0)
    package52308 (1.0.0)
    package52309 (1.0.0)
    package52310 (1.0.0)
    package52311 (1.0.0)
    package52312 (1.0.0)
    package52313 (1.0.0)
    package52314 (1.0.0)
    package52315 (1.0.0)
    package52316 (1.0.0)
    package52317 (1.0.0)
    package52318 (1.0.0)
    package52319 (1.0.0)
    package52320 (1.0.0)
    package52321 (1.0.0)
    package52322 (1.0.0)
    package52323 (1.0.0)
    package52324 (1.0.0)
    package52325 (1.0.0)
    package52326 (1.0.0)
    package52327 (1.0.0)
    package52328 (1.0.0)
    package52329 (1.0.0)
    package52330 (1.0.0)
    package52331 (1.0.0)
    package52332 (1.0.0)
    package52333 (1.0.0)
    package52334 (1.0.0)
    package52335 (1.0.0)
    package52336 (1.0.0)
    package52337 (1.0.0)
    package52338 (1.0.0)
    package52339 (1.0.0)
    package52340 (1.0.0)
    package52341 (1.0.0)
    package52342 (1.0.0)
    package52343 (1.0.0)
    package52344 (1.0.0)
    package52345 (1.0.0)
    package52346 (1.0.0)
    package52347 (1.0.0)
    package52348 (1.0.0)
    package52349 (1.0.0)
    package52350 (1.0.0)
    package52351 (1.0.0)
    package52352 (1.0.0)
    package52353 (1.0.0)
    package52354 (1.0.0)
    package52355 (1.0.0)
    package52356 (1.0.0)
    package52357 (1.0.0)
    package52358 (1.0.0)
    package52359 (1.0.0)
    package52360 (1.0.0)
    package52361 (1.0.0)
    package52362 (1.0.0)
    package52363 (1.0.0)
    package52364 (1.0.0)
    package52365 (1.0.0)
    package52366 (1.0.0)
    package52367 (1.0.0)
    package52368 (1.0.0)
    package52369 (1.0.0)
    package52370 (1.0.0)
    package52371 (1.0.0)
    package52372 (1.0.0)
    package52373 (1.0.0)
    package52374 (1.0.0)
    package52375 (1.0.0)
    package52376 (1.0.0)
    package52377 (1.0.0)
    package52378 (1.0.0)
    package52379 (1.0.0)
    package52380 (1.0.0)
    package52381 (1.0.0)
    package52382 (1.0.0)
    package52383 (1.0.0)
    package52384 (1.0.0)
    package52385 (1.0.0)
    package52386 (1.0.0)
    package52387 (1.0.0)
    package52388 (1.0.0)
    package52389 (1.0.0)
    package52390 (1.0.0)
    package52391 (1.0.0)
    package52392 (1.0.0)
    package52393 (1.0.0)
    package52394 (1.0.0)
    package52395 (1.0.0)
    package52396 (1.0.0)
    package52397 (1.0.0)
    package52398 (1.0.0)
    package52399 (1.0.0)
    package52400 (1.0.0)
    package52401 (1.0.0)
    package52402 (1.0.0)
    package52403 (1.0.0)
    package52404 (1.0.0)
    package52405 (1.0.0)
    package52406 (1.0.0)
    package52407 (1.0.0)
    package52408 (1.0.0)
    package52409 (1.0.0)
    package52410 (1.0.0)
    package52411 (1.0.0)
    package52412 (1.0.0)
    package52413 (1.0.0)
    package52414 (1.0.0)
    package52415 (1.0.0)
    package52416 (1.0.0)
    package52417 (1.0.0)
    package52418 (1.0.0)
    package52419 (1.0.0)
    package52420 (1.0.0)
    package52421 (1.0.0)
    package52422 (1.0.0)
    package52423 (1.0.0)
    package52424 (1.0.0)
    package52425 (1.0.0)
    package52426 (1.0.0)
    package52427 (1.0.0)
    package52428 (1.0.0)
    package52429 (1.0.0)
    package52430 (1.0.0)
    package52431 (1.0.0)
    package52432 (1.0.0)
    package52433 (1.0.0)
    package52434 (1.0.0)
    package52435 (1.0.0)
    package52436 (1.0.0)
    package52437 (1.0.0)
    package52438 (1.0.0)
    package52439 (1.0.0)
    package52440 (1.0.0)
    package52441 (1.0.0)
    package52442 (1.0.0)
    package52443 (1.0.0)
    package52444 (1.0.0)
    package52445 (1.0.0)
    package52446 (1.0.0)
    package52447 (1.0.0)
    package52448 (1.0.0)
    package52449 (1.0.0)
    package52450 (1.0.0)
    package52451 (1.0.0)
    package52452 (1.0.0)
    package52453 (1.0.0)
    package52454 (1.0.0)
    package52455 (1.0.0)
    package52456 (1.0.0)
    package52457 (1.0.0)
    package52458 (1.0.0)
    package52459 (1.0.0)
    package52460 (1.0.0)
    package52461 (1.0.0)
    package52462 (1.0.0)
    package52463 (1.0.0)
    package52464 (1.0.0)
    package52465 (1.0.0)
    package52466 (1.0.0)
    package52467 (1.0.0)
    package52468 (1.0.0)
    package52469 (1.0.0)
    package52470 (1.0.0)
    package52471 (1.0.0)
    package52472 (1.0.0)
    package52473 (1.0.0)
    package52474 (1.0.0)
    package52475 (1.0.0)
    package52476 (1.0.0)
    package52477 (1.0.0)
    package52478 (1.0.0)
    package52479 (1.0.0)
    package52480 (1.0.0)
    package52481 (1.0.0)
    package52482 (1.0.0)
    package52483 (1.0.0)
    package52484 (1.0.0)
    package52485 (1.0.0)
    package52486 (1.0.0)
    package52487 (1.0.0)
    package52488 (1.0.0)
    package52489 (1.0.0)
    package52490 (1.0.0)
    package52491 (1.0.0)
    package52492 (1.0.0)
    package52493 (1.0.0)
    package52494 (1.0.0)
    package52495 (1.0.0)
    package52496 (1.0.0)
    package52497 (1.0.0)
    package52498 (1.0.0)
    package52499 (1.0.0)
    package52500 (1.0.0)
    package52501 (1.0.0)
    package52502 (1.0.0)
    package52503 (1.0.0)
    package52504 (1.0.0)
    package52505 (1.0.0)
    package52506 (1.0.0)
    package52507 (1.0.0)
    package52508 (1.0.0)
    package52509 (1.0.0)
    package52510 (1.0.0)
    package52511 (1.0.0)
    package52512 (1.0.0)
    package52513 (1.0.0)
    package52514 (1.0.0)
    package52515 (1.0.0)
    package52516 (1.0.0)
    package52517 (1.0.0)
    package52518 (1.0.0)
    package52519 (1.0.0)
    package52520 (1.0.0)
    package52521 (1.0.0)
    package52522 (1.0.0)
    package52523 (1.0.0)
    package52524 (1.0.0)
    package52525 (1.0.0)
    package52526 (1.0.0)
    package52527 (1.0.0)
    package52528 (1.0.0)
    package52529 (1.0.0)
    package52530 (1.0.0)
    package52531 (1.0.0)
    package52532 (1.0.0)
    package52533 (1.0.0)
    package52534 (1.0.0)
    package52535 (1.0.0)
    package52536 (1.0.0)
    package52537 (1.0.0)
    package52538 (1.0.0)
    package52539 (1.0.0)
    package52540 (1.0.0)
    package52541 (1.0.0)
    package52542 (1.0.0)
    package52543 (1.0.0)
    package52544 (1.0.0)
    package52545 (1.0.0)
    package52546 (1.0.0)
    package52547 (1.0.0)
    package52548 (1.0.0)
    package52549 (1.0.0)
    package52550 (1.0.0)
    package52551 (1.0.0)
    package52552 (1.0.0)
    package52553 (1.0.0)
    package52554 (1.0.0)
    package52555 (1.0.0)
    package52556 (1.0.0)
    package52557 (1.0.0)
    package52558 (1.0.0)
    package52559 (1.0.0)
    package52560 (1.0.0)
    package52561 (1.0.0)
    package52562 (1.0.0)
    package52563 (1.0.0)
    package52564 (1.0.0)
    package52565 (1.0.0)
    package52566 (1.0.0)
    package52567 (1.0.0)
    package52568 (1.0.0)
    package52569 (1.0.0)
    package52570 (1.0.0)
    package52571 (1.0.0)
    package52572 (1.0.0)
    package52573 (1.0.0)
    package52574 (1.0.0)
    package52575 (1.0.0)
    package52576 (1.0.0)
    package52577 (1.0.0)
    package52578 (1.0.0)
    package52579 (1.0.0)
    package52580 (1.0.0)
    package52581 (1.0.0)
    package52582 (1.0.0)
    package52583 (1.0.0)
    package52584 (1.0.0)
    package52585 (1.0.0)
    package52586 (1.0.0)
    package52587 (1.0.0)
    package52588 (1.0.0)
    package52589 (1.0.0)
    package52590 (1.0.0)
    package52591 (1.0.0)
    package52592 (1.0.0)
    package52593 (1.0.0)
    package52594 (1.0.0)
    package52595 (1.0.0)
    package52596 (1.0.0)
    package52597 (1.0.0)
    package52598 (1.0.0)
    package52599 (1.0.0)
    package52600 (1.0.0)
    package52601 (1.0.0)
    package52602 (1.0.0)
    package52603 (1.0.0)
    package52604 (1.0.0)
    package52605 (1.0.0)
    package52606 (1.0.0)
    package52607 (1.0.0)
    package52608 (1.0.0)
    package52609 (1.0.0)
    package52610 (1.0.0)
    package52611 (1.0.0)
    package52612 (1.0.0)
    package52613 (1.0.0)
    package52614 (1.0.0)
    package52615 (1.0.0)
    package52616 (1.0.0)
    package52617 (1.0.0)
    package52618 (1.0.0)
    package52619 (1.0.0)
    package52620 (1.0.0)
    package52621 (1.0.0)
    package52622 (1.0.0)
    package52623 (1.0.0)
    package52624 (1.0.0)
    package52625 (1.0.0)
    package52626 (1.0.0)
    package52627 (1.0.0)
    package52628 (1.0.0)
    package52629 (1.0.0)
    package52630 (1.0.0)
    package52631 (1.0.0)
    package52632 (1.0.0)
    package52633 (1.0.0)
    package52634 (1.0.0)
    package52635 (1.0.0)
    package52636 (1.0.0)
    package52637 (1.0.0)
    package52638 (1.0.0)
    package52639 (1.0.0)
    package52640 (1.0.0)
    package52641 (1.0.0)
    package52642 (1.0.0)
    package52643 (1.0.0)
    package52644 (1.0.0)
    package52645 (1.0.0)
    package52646 (1.0.0)
    package52647 (1.0.0)
    package52648 (1.0.0)
    package52649 (1.0.0)
    package52650 (1.0.0)
    package52651 (1.0.0)
    package52652 (1.0.0)
    package52653 (1.0.0)
    package52654 (1.0.0)
    package52655 (1.0.0)
    package52656 (1.0.0)
    package52657 (1.0.0)
    package52658 (1.0.0)
    package52659 (1.0.0)
    package52660 (1.0.0)
    package52661 (1.0.0)
    package52662 (1.0.0)
    package52663 (1.0.0)
    package52664 (1.0.0)
    package52665 (1.0.0)
    package52666 (1.0.0)
    package52667 (1.0.0)
    package52668 (1.0.0)
    package52669 (1.0.0)
    package52670 (1.0.0)
    package52671 (1.0.0)
    package52672 (1.0.0)
    package52673 (1.0.0)
    package52674 (1.0.0)
    package52675 (1.0.0)
    package52676 (1.0.0)
    package52677 (1.0.0)
    package52678 (1.0.0)
    package52679 (1.0.0)
    package52680 (1.0.0)
    package52681 (1.0.0)
    package52682 (1.0.0)
    package52683 (1.0.0)
    package52684 (1.0.0)
    package52685 (1.0.0)
    package52686 (1.0.0)
    package52687 (1.0.0)
    package52688 (1.0.0)
    package52689 (1.0.0)
    package52690 (1.0.0)
    package52691 (1.0.0)
    package52692 (1.0.0)
    package52693 (1.0.0)
    package52694 (1.0.0)
    package52695 (1.0.0)
    package52696 (1.0.0)
    package52697 (1.0.0)
    package52698 (1.0.0)
    package52699 (1.0.0)
    package52700 (1.0.0)
    package52701 (1.0.0)
    package52702 (1.0.0)
    package52703 (1.0.0)
    package52704 (1.0.0)
    package52705 (1.0.0)
    package52706 (1.0.0)
    package52707 (1.0.0)
    package52708 (1.0.0)
    package52709 (1.0.0)
    package52710 (1.0.0)
    package52711 (1.0.0)
    package52712 (1.0.0)
    package52713 (1.0.0)
    package52714 (1.0.0)
    package52715 (1.0.0)
    package52716 (1.0.0)
    package52717 (1.0.0)
    package52718 (1.0.0)
    package52719 (1.0.0)
    package52720 (1.0.0)
    package52721 (1.0.0)
    package52722 (1.0.0)
    package52723 (1.0.0)
    package52724 (1.0.0)
    package52725 (1.0.0)
    package52726 (1.0.0)
    package52727 (1.0.0)
    package52728 (1.0.0)
    package52729 (1.0.0)
    package52730 (1.0.0)
    package52731 (1.0.0)
    package52732 (1.0.0)
    package52733 (1.0.0)
    package52734 (1.0.0)
    package52735 (1.0.0)
    package52736 (1.0.0)
    package52737 (1.0.0)
    package52738 (1.0.0)
    package52739 (1.0.0)
    package52740 (1.0.0)
    package52741 (1.0.0)
    package52742 (1.0.0)
    package52743 (1.0.0)
    package52744 (1.0.0)
    package52745 (1.0.0)
    package52746 (1.0.0)
    package52747 (1.0.0)
    package52748 (1.0.0)
    package52749 (1.0.0)
    package52750 (1.0.0)
    package52751 (1.0.0)
    package52752 (1.0.0)
    package52753 (1.0.0)
    package52754 (1.0.0)
    package52755 (1.0.0)
    package52756 (1.0.0)
    package52757 (1.0.0)
    package52758 (1.0.0)
    package52759 (1.0.0)
    package52760 (1.0.0)
    package52761 (1.0.0)
    package52762 (1.0.0)
    package52763 (1.0.0)
    package52764 (1.0.0)
    package52765 (1.0.0)
    package52766 (1.0.0)
    package52767 (1.0.0)
    package52768 (1.0.0)
    package52769 (1.0.0)
    package52770 (1.0.0)
    package52771 (1.0.0)
    package52772 (1.0.0)
    package52773 (1.0.0)
    package52774 (1.0.0)
    package52775 (1.0.0)
    package52776 (1.0.0)
    package52777 (1.0.0)
    package52778 (1.0.0)
    package52779 (1.0.0)
    package52780 (1.0.0)
    package52781 (1.0.0)
    package52782 (1.0.0)
    package52783 (1.0.0)
    package52784 (1.0.0)
    package52785 (1.0.0)
    package52786 (1.0.0)
    package52787 (1.0.0)
    package52788 (1.0.0)
    package52789 (1.0.0)
    package52790 (1.0.0)
    package52791 (1.0.0)
    package52792 (1.0.0)
    package52793 (1.0.0)
    package52794 (1.0.0)
    package52795 (1.0.0)
    package52796 (1.0.0)
    package52797 (1.0.0)
    package52798 (1.0.0)
    package52799 (1.0.0)
    package52800 (1.0.0)
    package52801 (1.0.0)
    package52802 (1.0.0)
    package52803 (1.0.0)
    package52804 (1.0.0)
    package52805 (1.0.0)
    package52806 (1.0.0)
    package52807 (1.0.0)
    package52808 (1.0.0)
    package52809 (1.0.0)
    package52810 (1.0.0)
    package52811 (1.0.0)
    package52812 (1.0.0)
    package52813 (1.0.0)
    package52814 (1.0.0)
    package52815 (1.0.0)
    package52816 (1.0.0)
    package52817 (1.0.0)
    package52818 (1.0.0)
    package52819 (1.0.0)
    package52820 (1.0.0)
    package52821 (1.0.0)
    package52822 (1.0.0)
    package52823 (1.0.0)
    package52824 (1.0.0)
    package52825 (1.0.0)
    package52826 (1.0.0)
    package52827 (1.0.0)
    package52828 (1.0.0)
    package52829 (1.0.0)
    package52830 (1.0.0)
    package52831 (1.0.0)
    package52832 (1.0.0)
    package52833 (1.0.0)
    package52834 (1.0.0)
    package52835 (1.0.0)
    package52836 (1.0.0)
    package52837 (1.0.0)
    package52838 (1.0.0)
    package52839 (1.0.0)
    package52840 (1.0.0)
    package52841 (1.0.0)
    package52842 (1.0.0)
    package52843 (1.0.0)
    package52844 (1.0.0)
    package52845 (1.0.0)
    package52846 (1.0.0)
    package52847 (1.0.0)
    package52848 (1.0.0)
    package52849 (1.0.0)
    package52850 (1.0.0)
    package52851 (1.0.0)
    package52852 (1.0.0)
    package52853 (1.0.0)
    package52854 (1.0.0)
    package52855 (1.0.0)
    package52856 (1.0.0)
    package52857 (1.0.0)
    package52858 (1.0.0)
    package52859 (1.0.0)
    package52860 (1.0.0)
    package52861 (1.0.0)
    package52862 (1.0.0)
    package52863 (1.0.0)
    package52864 (1.0.0)
    package52865 (1.0.0)
    package52866 (1.0.0)
    package52867 (1.0.0)
    package52868 (1.0.0)
    package52869 (1.0.0)
    package52870 (1.0.0)
    package52871 (1.0.0)
    package52872 (1.0.0)
    package52873 (1.0.0)
    package52874 (1.0.0)
    package52875 (1.0.0)
    package52876 (1.0.0)
    package52877 (1.0.0)
    package52878 (1.0.0)
    package52879 (1.0.0)
    package52880 (1.0.0)
    package52881 (1.0.0)
    package52882 (1.0.0)
    package52883 (1.0.0)
    package52884 (1.0.0)
    package52885 (1.0.0)
    package52886 (1.0.0)
    package52887 (1.0.0)
    package52888 (1.0.0)
    package52889 (1.0.0)
    package52890 (1.0.0)
    package52891 (1.0.0)
    package52892 (1.0.0)
    package52893 (1.0.0)
    package52894 (1.0.0)
    package52895 (1.0.0)
    package52896 (1.0.0)
    package52897 (1.0.0)
    package52898 (1.0.0)
    package52899 (1.0.0)
    package52900 (1.0.0)
    package52901 (1.0.0)
    package52902 (1.0.0)
    package52903 (1.0.0)
    package52904 (1.0.0)
    package52905 (1.0.0)
    package52906 (1.0.0)
    package52907 (1.0.0)
    package52908 (1.0.0)
    package52909 (1.0.0)
    package52910 (1.0.0)
    package52911 (1.0.0)
    package52912 (1.0.0)
    package52913 (1.0.0)
    package52914 (1.0.0)
    package52915 (1.0.0)
    package52916 (1.0.0)
    package52917 (1.0.0)
    package52918 (1.0.0)
    package52919 (1.0.0)
    package52920 (1.0.0)
    package52921 (1.0.0)
    package52922 (1.0.0)
    package52923 (1.0.0)
    package52924 (1.0.0)
    package52925 (1.0.0)
    package52926 (1.0.0)
    package52927 (1.0.0)
    package52928 (1.0.0)
    package52929 (1.0.0)
    package52930 (1.0.0)
    package52931 (1.0.0)
    package52932 (1.0.0)
    package52933 (1.0.0)
    package52934 (1.0.0)
    package52935 (1.0.0)
    package52936 (1.0.0)
    package52937 (1.0.0)
    package52938 (1.0.0)
    package52939 (1.0.0)
    package52940 (1.0.0)
    package52941 (1.0.0)
    package52942 (1.0.0)
    package52943 (1.0.0)
    package52944 (1.0.0)
    package52945 (1.0.0)
    package52946 (1.0.0)
    package52947 (1.0.0)
    package52948 (1.0.0)
    package52949 (1.0.0)
    package52950 (1.0.0)
    package52951 (1.0.0)
    package52952 (1.0.0)
    package52953 (1.0.0)
    package52954 (1.0.0)
    package52955 (1.0.0)
    package52956 (1.0.0)
    package52957 (1.0.0)
    package52958 (1.0.0)
    package52959 (1.0.0)
    package52960 (1.0.0)
    package52961 (1.0.0)
    package52962 (1.0.0)
    package52963 (1.0.0)
    package52964 (1.0.0)
    package52965 (1.0.0)
    package52966 (1.0.0)
    package52967 (1.0.0)
    package52968 (1.0.0)
    package52969 (1.0.0)
    package52970 (1.0.0)
    package52971 (1.0.0)
    package52972 (1.0.0)
    package52973 (1.0.0)
    package52974 (1.0.0)
    package52975 (1.0.0)
    package52976 (1.0.0)
    package52977 (1.0.0)
    package52978 (1.0.0)
    package52979 (1.0.0)
    package52980 (1.0.0)
    package52981 (1.0.0)
    package52982 (1.0.0)
    package52983 (1.0.0)
    package52984 (1.0.0)
    package52985 (1.0.0)
    package52986 (1.0.0)
    package52987 (1.0.0)
    package52988 (1.0.0)
    package52989 (1.0.0)
    package52990 (1.0.0)
    package52991 (1.0.0)
    package52992 (1.0.0)
    package52993 (1.0.0)
    package52994 (1.0.0)
    package52995 (1.0.0)
    package52996 (1.0.0)
    package52997 (1.0.0)
    package52998 (1.0.0)
    package52999 (1.0.0)
    package53000 (1.0.0)
    package53001 (1.0.0)
    package53002 (1.0.0)
    package53003 (1.0.0)
    package53004 (1.0.0)
    package53005 (1.0.0)
    package53006 (1.0.0)
    package53007 (1.0.0)
    package53008 (1.0.0)
    package53009 (1.0.0)
    package53010 (1.0.0)
    package53011 (1.0.0)
    package53012 (1.0.0)
    package53013 (1.0.0)
    package53014 (1.0.0)
    package53015 (1.0.0)
    package53016 (1.0.0)
    package53017 (1.0.0)
    package53018 (1.0.0)
    package53019 (1.0.0)
    package53020 (1.0.0)
    package53021 (1.0.0)
    package53022 (1.0.0)
    package53023 (1.0.0)
    package53024 (1.0.0)
    package53025 (1.0.0)
    package53026 (1.0.0)
    package53027 (1.0.0)
    package53028 (1.0.0)
    package53029 (1.0.0)
    package53030 (1.0.0)
    package53031 (1.0.0)
    package53032 (1.0.0)
    package53033 (1.0.0)
    package53034 (1.0.0)
    package53035 (1.0.0)
    package53036 (1.0.0)
    package53037 (1.0.0)
    package53038 (1.0.0)
    package53039 (1.0.0)
    package53040 (1.0.0)
    package53041 (1.0.0)
    package53042 (1.0.0)
    package53043 (1.0.0)
    package53044 (1.0.0)
    package53045 (1.0.0)
    package53046 (1.0.0)
    package53047 (1.0.0)
    package53048 (1.0.0)
    package53049 (1.0.0)
    package53050 (1.0.0)
    package53051 (1.0.0)
    package53052 (1.0.0)
    package53053 (1.0.0)
    package53054 (1.0.0)
    package53055 (1.0.0)
    package53056 (1.0.0)
    package53057 (1.0.0)
    package53058 (1.0.0)
    package53059 (1.0.0)
    package53060 (1.0.0)
    package53061 (1.0.0)
    package53062 (1.0.0)
    package53063 (1.0.0)
    package53064 (1.0.0)
    package53065 (1.0.0)
    package53066 (1.0.0)
    package53067 (1.0.0)
    package53068 (1.0.0)
    package53069 (1.0.0)
    package53070 (1.0.0)
    package53071 (1.0.0)
    package53072 (1.0.0)
    package53073 (1.0.0)
    package53074 (1.0.0)
    package53075 (1.0.0)
    package53076 (1.0.0)
    package53077 (1.0.0)
    package53078 (1.0.0)
    package53079 (1.0.0)
    package53080 (1.0.0)
    package53081 (1.0.0)
    package53082 (1.0.0)
    package53083 (1.0.0)
    package53084 (1.0.0)
    package53085 (1.0.0)
    package53086 (1.0.0)
    package53087 (1.0.0)
    package53088 (1.0.0)
    package53089 (1.0.0)
    package53090 (1.0.0)
    package53091 (1.0.0)
    package53092 (1.0.0)
    package53093 (1.0.0)
    package53094 (1.0.0)
    package53095 (1.0.0)
    package53096 (1.0.0)
    package53097 (1.0.0)
    package53098 (1.0.0)
    package53099 (1.0.0)
    package53100 (1.0.0)
    package53101 (1.0.0)
    package53102 (1.0.0)
    package53103 (1.0.0)
    package53104 (1.0.0)
    package53105 (1.0.0)
    package53106 (1.0.0)
    package53107 (1.0.0)
    package53108 (1.0.0)
    package53109 (1.0.0)
    package53110 (1.0.0)
    package53111 (1.0.0)
    package53112 (1.0.0)
    package53113 (1.0.0)
    package53114 (1.0.0)
    package53115 (1.0.0)
    package53116 (1.0.0)
    package53117 (1.0.0)
    package53118 (1.0.0)
    package53119 (1.0.0)
    package53120 (1.0.0)
    package53121 (1.0.0)
    package53122 (1.0.0)
    package53123 (1.0.0)
    package53124 (1.0.0)
    package53125 (1.0.0)
    package53126 (1.0.0)
    package53127 (1.0.0)
    package53128 (1.0.0)
    package53129 (1.0.0)
    package53130 (1.0.0)
    package53131 (1.0.0)
    package53132 (1.0.0)
    package53133 (1.0.0)
    package53134 (1.0.0)
    package53135 (1.0.0)
    package53136 (1.0.0)
    package53137 (1.0.0)
    package53138 (1.0.0)
    package53139 (1.0.0)
    package53140 (1.0.0)
    package53141 (1.0.0)
    package53142 (1.0.0)
    package53143 (1.0.0)
    package53144 (1.0.0)
    package53145 (1.0.0)
    package53146 (1.0.0)
    package53147 (1.0.0)
    package53148 (1.0.0)
    package53149 (1.0.0)
    package53150 (1.0.0)
    package53151 (1.0.0)
    package53152 (1.0.0)
    package53153 (1.0.0)
    package53154 (1.0.0)
    package53155 (1.0.0)
    package53156 (1.0.0)
    package53157 (1.0.0)
    package53158 (1.0.0)
    package53159 (1.0.0)
    package53160 (1.0.0)
    package53161 (1.0.0)
    package53162 (1.0.0)
    package53163 (1.0.0)
    package53164 (1.0.0)
    package53165 (1.0.0)
    package53166 (1.0.0)
    package53167 (1.0.0)
    package53168 (1.0.0)
    package53169 (1.0.0)
    package53170 (1.0.0)
    package53171 (1.0.0)
    package53172 (1.0.0)
    package53173 (1.0.0)
    package53174 (1.0.0)
    package53175 (1.0.0)
    package53176 (1.0.0)
    package53177 (1.0.0)
    package53178 (1.0.0)
    package53179 (1.0.0)
    package53180 (1.0.0)
    package53181 (1.0.0)
    package53182 (1.0.0)
    package53183 (1.0.0)
    package53184 (1.0.0)
    package53185 (1.0.0)
    package53186 (1.0.0)
    package53187 (1.0.0)
    package53188 (1.0.0)
    package53189 (1.0.0)
    package53190 (1.0.0)
    package53191 (1.0.0)
    package53192 (1.0.0)
    package53193 (1.0.0)
    package53194 (1.0.0)
    package53195 (1.0.0)
    package53196 (1.0.0)
    package53197 (1.0.0)
    package53198 (1.0.0)
    package53199 (1.0.0)
    package53200 (1.0.0)
    package53201 (1.0.0)
    package53202 (1.0.0)
    package53203 (1.0.0)
    package53204 (1.0.0)
    package53205 (1.0.0)
    package53206 (1.0.0)
    package53207 (1.0.0)
    package53208 (1.0.0)
    package53209 (1.0.0)
    package53210 (1.0.0)
    package53211 (1.0.0)
    package53212 (1.0.0)
    package53213 (1.0.0)
    package53214 (1.0.0)
    package53215 (1.0.0)
    package53216 (1.0.0)
    package53217 (1.0.0)
    package53218 (1.0.0)
    package53219 (1.0.0)
    package53220 (1.0.0)
    package53221 (1.0.0)
    package53222 (1.0.0)
    package53223 (1.0.0)
    package53224 (1.0.0)
    package53225 (1.0.0)
    package53226 (1.0.0)
    package53227 (1.0.0)
    package53228 (1.0.0)
    package53229 (1.0.0)
    package53230 (1.0.0)
    package53231 (1.0.0)
    package53232 (1.0.0)
    package53233 (1.0.0)
    package53234 (1.0.0)
    package53235 (1.0.0)
    package53236 (1.0.0)
    package53237 (1.0.0)
    package53238 (1.0.0)
    package53239 (1.0.0)
    package53240 (1.0.0)
    package53241 (1.0.0)
    package53242 (1.0.0)
    package53243 (1.0.0)
    package53244 (1.0.0)
    package53245 (1.0.0)
    package53246 (1.0.0)
    package53247 (1.0.0)
    package53248 (1.0.0)
    package53249 (1.0.0)
    package53250 (1.0.0)
    package53251 (1.0.0)
    package53252 (1.0.0)
    package53253 (1.0.0)
    package53254 (1.0.0)
    package53255 (1.0.0)
    package53256 (1.0.0)
    package53257 (1.0.0)
    package53258 (1.0.0)
    package53259 (1.0.0)
    package53260 (1.0.0)
    package53261 (1.0.0)
    package53262 (1.0.0)
    package53263 (1.0.0)
    package53264 (1.0.0)
    package53265 (1.0.0)
    package53266 (1.0.0)
    package53267 (1.0.0)
    package53268 (1.0.0)
    package53269 (1.0.0)
    package53270 (1.0.0)
    package53271 (1.0.0)
    package53272 (1.0.0)
    package53273 (1.0.0)
    package53274 (1.0.0)
    package53275 (1.0.0)
    package53276 (1.0.0)
    package53277 (1.0.0)
    package53278 (1.0.0)
    package53279 (1.0.0)
    package53280 (1.0.0)
    package53281 (1.0.0)
    package53282 (1.0.0)
    package53283 (1.0.0)
    package53284 (1.0.0)
    package53285 (1.0.0)
    package53286 (1.0.0)
    package53287 (1.0.0)
    package53288 (1.0.0)
    package53289 (1.0.0)
    package53290 (1.0.0)
    package53291 (1.0.0)
    package53292 (1.0.0)
    package53293 (1.0.0)
    package53294 (1.0.0)
    package53295 (1.0.0)
    package53296 (1.0.0)
    package53297 (1.0.0)
    package53298 (1.0.0)
    package53299 (1.0.0)
    package53300 (1.0.0)
    package53301 (1.0.0)
    package53302 (1.0.0)
    package53303 (1.0.0)
    package53304 (1.0.0)
    package53305 (1.0.0)
    package53306 (1.0.0)
    package53307 (1.0.0)
    package53308 (1.0.0)
    package53309 (1.0.0)
    package53310 (1.0.0)
    package53311 (1.0.0)
    package53312 (1.0.0)
    package53313 (1.0.0)
    package53314 (1.0.0)
    package53315 (1.0.0)
    package53316 (1.0.0)
    package53317 (1.0.0)
    package53318 (1.0.0)
    package53319 (1.0.0)
    package53320 (1.0.0)
    package53321 (1.0.0)
    package53322 (1.0.0)
    package53323 (1.0.0)
    package53324 (1.0.0)
    package53325 (1.0.0)
    package53326 (1.0.0)
    package53327 (1.0.0)
    package53328 (1.0.0)
    package53329 (1.0.0)
    package53330 (1.0.0)
    package53331 (1.0.0)
    package53332 (1.0.0)
    package53333 (1.0.0)
    package53334 (1.0.0)
    package53335 (1.0.0)
    package53336 (1.0.0)
    package53337 (1.0.0)
    package53338 (1.0.0)
    package53339 (1.0.0)
    package53340 (1.0.0)
    package53341 (1.0.0)
    package53342 (1.0.0)
    package53343 (1.0.0)
    package53344 (1.0.0)
    package53345 (1.0.0)
    package53346 (1.0.0)
    package53347 (1.0.0)
    package53348 (1.0.0)
    package53349 (1.0.0)
    package53350 (1.0.0)
    package53351 (1.0.0)
    package53352 (1.0.0)
    package53353 (1.0.0)
    package53354 (1.0.0)
    package53355 (1.0.0)
    package53356 (1.0.0)
    package53357 (1.0.0)
    package53358 (1.0.0)
    package53359 (1.0.0)
    package53360 (1.0.0)
    package53361 (1.0.0)
    package53362 (1.0.0)
    package53363 (1.0.0)
    package53364 (1.0.0)
    package53365 (1.0.0)
    package53366 (1.0.0)
    package53367 (1.0.0)
    package53368 (1.0.0)
    package53369 (1.0.0)
    package53370 (1.0.0)
    package53371 (1.0.0)
    package53372 (1.0.0)
    package53373 (1.0.0)
    package53374 (1.0.0)
    package53375 (1.0.0)
    package53376 (1.0.0)
    package53377 (1.0.0)
    package53378 (1.0.0)
    package53379 (1.0.0)
    package53380 (1.0.0)
    package53381 (1.0.0)
    package53382 (1.0.0)
    package53383 (1.0.0)
    package53384 (1.0.0)
    package53385 (1.0.0)
    package53386 (1.0.0)
    package53387 (1.0.0)
    package53388 (1.0.0)
    package53389 (1.0.0)
    package53390 (1.0.0)
    package53391 (1.0.0)
    package53392 (1.0.0)
    package53393 (1.0.0)
    package53394 (1.0.0)
    package53395 (1.0.0)
    package53396 (1.0.0)
    package53397 (1.0.0)
    package53398 (1.0.0)
    package53399 (1.0.0)
    package53400 (1.0.0)
    package53401 (1.0.0)
    package53402 (1.0.0)
    package53403 (1.0.0)
    package53404 (1.0.0)
    package53405 (1.0.0)
    package53406 (1.0.0)
    package53407 (1.0.0)
    package53408 (1.0.0)
    package53409 (1.0.0)
    package53410 (1.0.0)
    package53411 (1.0.0)
    package53412 (1.0.0)
    package53413 (1.0.0)
    package53414 (1.0.0)
    package53415 (1.0.0)
    package53416 (1.0.0)
    package53417 (1.0.0)
    package53418 (1.0.0)
    package53419 (1.0.0)
    package53420 (1.0.0)
    package53421 (1.0.0)
    package53422 (1.0.0)
    package53423 (1.0.0)
    package53424 (1.0.0)
    package53425 (1.0.0)
    package53426 (1.0.0)
    package53427 (1.0.0)
    package53428 (1.0.0)
    package53429 (1.0.0)
    package53430 (1.0.0)
    package53431 (1.0.0)
    package53432 (1.0.0)
    package53433 (1.0.0)
    package53434 (1.0.0)
    package53435 (1.0.0)
    package53436 (1.0.0)
    package53437 (1.0.0)
    package53438 (1.0.0)
    package53439 (1.0.0)
    package53440 (1.0.0)
    package53441 (1.0.0)
    package53442 (1.0.0)
    package53443 (1.0.0)
    package53444 (1.0.0)
    package53445 (1.0.0)
    package53446 (1.0.0)
    package53447 (1.0.0)
    package53448 (1.0.0)
    package53449 (1.0.0)
    package53450 (1.0.0)
    package53451 (1.0.0)
    package53452 (1.0.0)
    package53453 (1.0.0)
    package53454 (1.0.0)
    package53455 (1.0.0)
    package53456 (1.0.0)
    package53457 (1.0.0)
    package53458 (1.0.0)
    package53459 (1.0.0)
    package53460 (1.0.0)
    package53461 (1.0.0)
    package53462 (1.0.0)
    package53463 (1.0.0)
    package53464 (1.0.0)
    package53465 (1.0.0)
    package53466 (1.0.0)
    package53467 (1.0.0)
    package53468 (1.0.0)
    package53469 (1.0.0)
    package53470 (1.0.0)
    package53471 (1.0.0)
    package53472 (1.0.0)
    package53473 (1.0.0)
    package53474 (1.0.0)
    package53475 (1.0.0)
    package53476 (1.0.0)
    package53477 (1.0.0)
    package53478 (1.0.0)
    package53479 (1.0.0)
    package53480 (1.0.0)
    package53481 (1.0.0)
    package53482 (1.0.0)
    package53483 (1.0.0)
    package53484 (1.0.0)
    package53485 (1.0.0)
    package53486 (1.0.0)
    package53487 (1.0.0)
    package53488 (1.0.0)
    package53489 (1.0.0)
    package53490 (1.0.0)
    package53491 (1.0.0)
    package53492 (1.0.0)
    package53493 (1.0.0)
    package53494 (1.0.0)
    package53495 (1.0.0)
    package53496 (1.0.0)
    package53497 (1.0.0)
    package53498 (1.0.0)
    package53499 (1.0.0)
    package53500 (1.0.0)
    package53501 (1.0.0)
    package53502 (1.0.0)
    package53503 (1.0.0)
    package53504 (1.0.0)
    package53505 (1.0.0)
    package53506 (1.0.0)
    package53507 (1.0.0)
    package53508 (1.0.0)
    package53509 (1.0.0)
    package53510 (1.0.0)
    package53511 (1.0.0)
    package53512 (1.0.0)
    package53513 (1.0.0)
    package53514 (1.0.0)
    package53515 (1.0.0)
    package53516 (1.0.0)
    package53517 (1.0.0)
    package53518 (1.0.0)
    package53519 (1.0.0)
    package53520 (1.0.0)
    package53521 (1.0.0)
    package53522 (1.0.0)
    package53523 (1.0.0)
    package53524 (1.0.0)
    package53525 (1.0.0)
    package53526 (1.0.0)
    package53527 (1.0.0)
    package53528 (1.0.0)
    package53529 (1.0.0)
    package53530 (1.0.0)
    package53531 (1.0.0)
    package53532 (1.0.0)
    package53533 (1.0.0)
    package53534 (1.0.0)
    package53535 (1.0.0)
    package53536 (1.0.0)
    package53537 (1.0.0)
    package53538 (1.0.0)
    package53539 (1.0.0)
    package53540 (1.0.0)
    package53541 (1.0.0)
    package53542 (1.0.0)
    package53543 (1.0.0)
    package53544 (1.0.0)
    package53545 (1.0.0)
    package53546 (1.0.0)
    package53547 (1.0.0)
    package53548 (1.0.0)
    package53549 (1.0.0)
    package53550 (1.0.0)
    package53551 (1.0.0)
    package53552 (1.0.0)
    package53553 (1.0.0)
    package53554 (1.0.0)
    package53555 (1.0.0)
    package53556 (1.0.0)
    package53557 (1.0.0)
    package53558 (1.0.0)
    package53559 (1.0.0)
    package53560 (1.0.0)
    package53561 (1.0.0)
    package53562 (1.0.0)
    package53563 (1.0.0)
    package53564 (1.0.0)
    package53565 (1.0.0)
    package53566 (1.0.0)
    package53567 (1.0.0)
    package53568 (1.0.0)
    package53569 (1.0.0)
    package53570 (1.0.0)
    package53571 (1.0.0)
    package53572 (1.0.0)
    package53573 (1.0.0)
    package53574 (1.0.0)
    package53575 (1.0.0)
    package53576 (1.0.0)
    package53577 (1.0.0)
    package53578 (1.0.0)
    package53579 (1.0.0)
    package53580 (1.0.0)
    package53581 (1.0.0)
    package53582 (1.0.0)
    package53583 (1.0.0)
    package53584 (1.0.0)
    package53585 (1.0.0)
    package53586 (1.0.0)
    package53587 (1.0.0)
    package53588 (1.0.0)
    package53589 (1.0.0)
    package53590 (1.0.0)
    package53591 (1.0.0)
    package53592 (1.0.0)
    package53593 (1.0.0)
    package53594 (1.0.0)
    package53595 (1.0.0)
    package53596 (1.0.0)
    package53597 (1.0.0)
    package53598 (1.0.0)
    package53599 (1.0.0)
    package53600 (1.0.0)
    package53601 (1.0.0)
    package53602 (1.0.0)
    package53603 (1.0.0)
    package53604 (1.0.0)
    package53605 (1.0.0)
    package53606 (1.0.0)
    package53607 (1.0.0)
    package53608 (1.0.0)
    package53609 (1.0.0)
    package53610 (1.0.0)
    package53611 (1.0.0)
    package53612 (1.0.0)
    package53613 (1.0.0)
    package53614 (1.0.0)
    package53615 (1.0.0)
    package53616 (1.0.0)
    package53617 (1.0.0)
    package53618 (1.0.0)
    package53619 (1.0.0)
    package53620 (1.0.0)
    package53621 (1.0.0)
    package53622 (1.0.0)
    package53623 (1.0.0)
    package53624 (1.0.0)
    package53625 (1.0.0)
    package53626 (1.0.0)
    package53627 (1.0.0)
    package53628 (1.0.0)
    package53629 (1.0.0)
    package53630 (1.0.0)
    package53631 (1.0.0)
    package53632 (1.0.0)
    package53633 (1.0.0)
    package53634 (1.0.0)
    package53635 (1.0.0)
    package53636 (1.0.0)
    package53637 (1.0.0)
    package53638 (1.0.0)
    package53639 (1.0.0)
    package53640 (1.0.0)
    package53641 (1.0.0)
    package53642 (1.0.0)
    package53643 (1.0.0)
    package53644 (1.0.0)
    package53645 (1.0.0)
    package53646 (1.0.0)
    package53647 (1.0.0)
    package53648 (1.0.0)
    package53649 (1.0.0)
    package53650 (1.0.0)
    package53651 (1.0.0)
    package53652 (1.0.0)
    package53653 (1.0.0)
    package53654 (1.0.0)
    package53655 (1.0.0)
    package53656 (1.0.0)
    package53657 (1.0.0)
    package53658 (1.0.0)
    package53659 (1.0.0)
    package53660 (1.0.0)
    package53661 (1.0.0)
    package53662 (1.0.0)
    package53663 (1.0.0)
    package53664 (1.0.0)
    package53665 (1.0.0)
    package53666 (1.0.0)
    package53667 (1.0.0)
    package53668 (1.0.0)
    package53669 (1.0.0)
    package53670 (1.0.0)
    package53671 (1.0.0)
    package53672 (1.0.0)
    package53673 (1.0.0)
    package53674 (1.0.0)
    package53675 (1.0.0)
    package53676 (1.0.0)
    package53677 (1.0.0)
    package53678 (1.0.0)
    package53679 (1.0.0)
    package53680 (1.0.0)
    package53681 (1.0.0)
    package53682 (1.0.0)
    package53683 (1.0.0)
    package53684 (1.0.0)
    package53685 (1.0.0)
    package53686 (1.0.0)
    package53687 (1.0.0)
    package53688 (1.0.0)
    package53689 (1.0.0)
    package53690 (1.0.0)
    package53691 (1.0.0)
    package53692 (1.0.0)
    package53693 (1.0.0)
    package53694 (1.0.0)
    package53695 (1.0.0)
    package53696 (1.0.0)
    package53697 (1.0.0)
    package53698 (1.0.0)
    package53699 (1.0.0)
    package53700 (1.0.0)
    package53701 (1.0.0)
    package53702 (1.0.0)
    package53703 (1.0.0)
    package53704 (1.0.0)
    package53705 (1.0.0)
    package53706 (1.0.0)
    package53707 (1.0.0)
    package53708 (1.0.0)
    package53709 (1.0.0)
    package53710 (1.0.0)
    package53711 (1.0.0)
    package53712 (1.0.0)
    package53713 (1.0.0)
    package53714 (1.0.0)
    package53715 (1.0.0)
    package53716 (1.0.0)
    package53717 (1.0.0)
    package53718 (1.0.0)
    package53719 (1.0.0)
    package53720 (1.0.0)
    package53721 (1.0.0)
    package53722 (1.0.0)
    package53723 (1.0.0)
    package53724 (1.0.0)
    package53725 (1.0.0)
    package53726 (1.0.0)
    package53727 (1.0.0)
    package53728 (1.0.0)
    package53729 (1.0.0)
    package53730 (1.0.0)
    package53731 (1.0.0)
    package53732 (1.0.0)
    package53733 (1.0.0)
    package53734 (1.0.0)
    package53735 (1.0.0)
    package53736 (1.0.0)
    package53737 (1.0.0)
    package53738 (1.0.0)
    package53739 (1.0.0)
    package53740 (1.0.0)
    package53741 (1.0.0)
    package53742 (1.0.0)
    package53743 (1.0.0)
    package53744 (1.0.0)
    package53745 (1.0.0)
    package53746 (1.0.0)
    package53747 (1.0.0)
    package53748 (1.0.0)
    package53749 (1.0.0)
    package53750 (1.0.0)
    package53751 (1.0.0)
    package53752 (1.0.0)
    package53753 (1.0.0)
    package53754 (1.0.0)
    package53755 (1.0.0)
    package53756 (1.0.0)
    package53757 (1.0.0)
    package53758 (1.0.0)
    package53759 (1.0.0)
    package53760 (1.0.0)
    package53761 (1.0.0)
    package53762 (1.0.0)
    package53763 (1.0.0)
    package53764 (1.0.0)
    package53765 (1.0.0)
    package53766 (1.0.0)
    package53767 (1.0.0)
    package53768 (1.0.0)
    package53769 (1.0.0)
    package53770 (1.0.0)
    package53771 (1.0.0)
    package53772 (1.0.0)
    package53773 (1.0.0)
    package53774 (1.0.0)
    package53775 (1.0.0)
    package53776 (1.0.0)
    package53777 (1.0.0)
    package53778 (1.0.0)
    package53779 (1.0.0)
    package53780 (1.0.0)
    package53781 (1.0.0)
    package53782 (1.0.0)
    package53783 (1.0.0)
    package53784 (1.0.0)
    package53785 (1.0.0)
    package53786 (1.0.0)
    package53787 (1.0.0)
    package53788 (1.0.0)
    package53789 (1.0.0)
    package53790 (1.0.0)
    package53791 (1.0.0)
    package53792 (1.0.0)
    package53793 (1.0.0)
    package53794 (1.0.0)
    package53795 (1.0.0)
    package53796 (1.0.0)
    package53797 (1.0.0)
    package53798 (1.0.0)
    package53799 (1.0.0)
    package53800 (1.0.0)
    package53801 (1.0.0)
    package53802 (1.0.0)
    package53803 (1.0.0)
    package53804 (1.0.0)
    package53805 (1.0.0)
    package53806 (1.0.0)
    package53807 (1.0.0)
    package53808 (1.0.0)
    package53809 (1.0.0)
    package53810 (1.0.0)
    package53811 (1.0.0)
    package53812 (1.0.0)
    package53813 (1.0.0)
    package53814 (1.0.0)
    package53815 (1.0.0)
    package53816 (1.0.0)
    package53817 (1.0.0)
    package53818 (1.0.0)
    package53819 (1.0.0)
    package53820 (1.0.0)
    package53821 (1.0.0)
    package53822 (1.0.0)
    package53823 (1.0.0)
    package53824 (1.0.0)
    package53825 (1.0.0)
    package53826 (1.0.0)
    package53827 (1.0.0)
    package53828 (1.0.0)
    package53829 (1.0.0)
    package53830 (1.0.0)
    package53831 (1.0.0)
    package53832 (1.0.0)
    package53833 (1.0.0)
    package53834 (1.0.0)
    package53835 (1.0.0)
    package53836 (1.0.0)
    package53837 (1.0.0)
    package53838 (1.0.0)
    package53839 (1.0.0)
    package53840 (1.0.0)
    package53841 (1.0.0)
    package53842 (1.0.0)
    package53843 (1.0.0)
    package53844 (1.0.0)
    package53845 (1.0.0)
    package53846 (1.0.0)
    package53847 (1.0.0)
    package53848 (1.0.0)
    package53849 (1.0.0)
    package53850 (1.0.0)
    package53851 (1.0.0)
    package53852 (1.0.0)
    package53853 (1.0.0)
    package53854 (1.0.0)
    package53855 (1.0.0)
    package53856 (1.0.0)
    package53857 (1.0.0)
    package53858 (1.0.0)
    package53859 (1.0.0)
    package53860 (1.0.0)
    package53861 (1.0.0)
    package53862 (1.0.0)
    package53863 (1.0.0)
    package53864 (1.0.0)
    package53865 (1.0.0)
    package53866 (1.0.0)
    package53867 (1.0.0)
    package53868 (1.0.0)
    package53869 (1.0.0)
    package53870 (1.0.0)
    package53871 (1.0.0)
    package53872 (1.0.0)
    package53873 (1.0.0)
    package53874 (1.0.0)
    package53875 (1.0.0)
    package53876 (1.0.0)
    package53877 (1.0.0)
    package53878 (1.0.0)
    package53879 (1.0.0)
    package53880 (1.0.0)
    package53881 (1.0.0)
    package53882 (1.0.0)
    package53883 (1.0.0)
    package53884 (1.0.0)
    package53885 (1.0.0)
    package53886 (1.0.0)
    package53887 (1.0.0)
    package53888 (1.0.0)
    package53889 (1.0.0)
    package53890 (1.0.0)
    package53891 (1.0.0)
    package53892 (1.0.0)
    package53893 (1.0.0)
    package53894 (1.0.0)
    package53895 (1.0.0)
    package53896 (1.0.0)
    package53897 (1.0.0)
    package53898 (1.0.0)
    package53899 (1.0.0)
    package53900 (1.0.0)
    package53901 (1.0.0)
    package53902 (1.0.0)
    package53903 (1.0.0)
    package53904 (1.0.0)
    package53905 (1.0.0)
    package53906 (1.0.0)
    package53907 (1.0.0)
    package53908 (1.0.0)
    package53909 (1.0.0)
    package53910 (1.0.0)
    package53911 (1.0.0)
    package53912 (1.0.0)
    package53913 (1.0.0)
    package53914 (1.0.0)
    package53915 (1.0.0)
    package53916 (1.0.0)
    package53917 (1.0.0)
    package53918 (1.0.0)
    package53919 (1.0.0)
    package53920 (1.0.0)
    package53921 (1.0.0)
    package53922 (1.0.0)
    package53923 (1.0.0)
    package53924 (1.0.0)
    package53925 (1.0.0)
    package53926 (1.0.0)
    package53927 (1.0.0)
    package53928 (1.0.0)
    package53929 (1.0.0)
    package53930 (1.0.0)
    package53931 (1.0.0)
    package53932 (1.0.0)
    package53933 (1.0.0)
    package53934 (1.0.0)
    package53935 (1.0.0)
    package53936 (1.0.0)
    package53937 (1.0.0)
    package53938 (1.0.0)
    package53939 (1.0.0)
    package53940 (1.0.0)
    package53941 (1.0.0)
    package53942 (1.0.0)
    package53943 (1.0.0)
    package53944 (1.0.0)
    package53945 (1.0.0)
    package53946 (1.0.0)
    package53947 (1.0.0)
    package53948 (1.0.0)
    package53949 (1.0.0)
    package53950 (1.0.0)
    package53951 (1.0.0)
    package53952 (1.0.0)
    package53953 (1.0.0)
    package53954 (1.0.0)
    package53955 (1.0.0)
    package53956 (1.0.0)
    package53957 (1.0.0)
    package53958 (1.0.0)
    package53959 (1.0.0)
    package53960 (1.0.0)
    package53961 (1.0.0)
    package53962 (1.0.0)
    package53963 (1.0.0)
    package53964 (1.0.0)
    package53965 (1.0.0)
    package53966 (1.0.0)
    package53967 (1.0.0)
    package53968 (1.0.0)
    package53969 (1.0.0)
    package53970 (1.0.0)
    package53971 (1.0.0)
    package53972 (1.0.0)
    package53973 (1.0.0)
    package53974 (1.0.0)
    package53975 (1.0.0)
    package53976 (1.0.0)
    package53977 (1.0.0)
    package53978 (1.0.0)
    package53979 (1.0.0)
    package53980 (1.0.0)
    package53981 (1.0.0)
    package53982 (1.0.0)
    package53983 (1.0.0)
    package53984 (1.0.0)
    package53985 (1.0.0)
    package53986 (1.0.0)
    package53987 (1.0.0)
    package53988 (1.0.0)
    package53989 (1.0.0)
    package53990 (1.0.0)
    package53991 (1.0.0)
    package53992 (1.0.0)
    package53993 (1.0.0)
    package53994 (1.0.0)
    package53995 (1.0.0)
    package53996 (1.0.0)
    package53997 (1.0.0)
    package53998 (1.0.0)
    package53999 (1.0.0)
    package54000 (1.0.0)
    package54001 (1.0.0)
    package54002 (1.0.0)
    package54003 (1.0.0)
    package54004 (1.0.0)
    package54005 (1.0.0)
    package54006 (1.0.0)
    package54007 (1.0.0)
    package54008 (1.0.0)
    package54009 (1.0.0)
    package54010 (1.0.0)
    package54011 (1.0.0)
    package54012 (1.0.0)
    package54013 (1.0.0)
    package54014 (1.0.0)
    package54015 (1.0.0)
    package54016 (1.0.0)
    package54017 (1.0.0)
    package54018 (1.0.0)
    package54019 (1.0.0)
    package54020 (1.0.0)
    package54021 (1.0.0)
    package54022 (1.0.0)
    package54023 (1.0.0)
    package54024 (1.0.0)
    package54025 (1.0.0)
    package54026 (1.0.0)
    package54027 (1.0.0)
    package54028 (1.0.0)
    package54029 (1.0.0)
    package54030 (1.0.0)
    package54031 (1.0.0)
    package54032 (1.0.0)
    package54033 (1.0.0)
    package54034 (1.0.0)
    package54035 (1.0.0)
    package54036 (1.0.0)
    package54037 (1.0.0)
    package54038 (1.0.0)
    package54039 (1.0.0)
    package54040 (1.0.0)
    package54041 (1.0.0)
    package54042 (1.0.0)
    package54043 (1.0.0)
    package54044 (1.0.0)
    package54045 (1.0.0)
    package54046 (1.0.0)
    package54047 (1.0.0)
    package54048 (1.0.0)
    package54049 (1.0.0)
    package54050 (1.0.0)
    package54051 (1.0.0)
    package54052 (1.0.0)
    package54053 (1.0.0)
    package54054 (1.0.0)
    package54055 (1.0.0)
    package54056 (1.0.0)
    package54057 (1.0.0)
    package54058 (1.0.0)
    package54059 (1.0.0)
    package54060 (1.0.0)
    package54061 (1.0.0)
    package54062 (1.0.0)
    package54063 (1.0.0)
    package54064 (1.0.0)
    package54065 (1.0.0)
    package54066 (1.0.0)
    package54067 (1.0.0)
    package54068 (1.0.0)
    package54069 (1.0.0)
    package54070 (1.0.0)
    package54071 (1.0.0)
    package54072 (1.0.0)
    package54073 (1.0.0)
    package54074 (1.0.0)
    package54075 (1.0.0)
    package54076 (1.0.0)
    package54077 (1.0.0)
    package54078 (1.0.0)
    package54079 (1.0.0)
    package54080 (1.0.0)
    package54081 (1.0.0)
    package54082 (1.0.0)
    package54083 (1.0.0)
    package54084 (1.0.0)
    package54085 (1.0.0)
    package54086 (1.0.0)
    package54087 (1.0.0)
    package54088 (1.0.0)
    package54089 (1.0.0)
    package54090 (1.0.0)
    package54091 (1.0.0)
    package54092 (1.0.0)
    package54093 (1.0.0)
    package54094 (1.0.0)
    package54095 (1.0.0)
    package54096 (1.0.0)
    package54097 (1.0.0)
    package54098 (1.0.0)
    package54099 (1.0.0)
    package54100 (1.0.0)
    package54101 (1.0.0)
    package54102 (1.0.0)
    package54103 (1.0.0)
    package54104 (1.0.0)
    package54105 (1.0.0)
    package54106 (1.0.0)
    package54107 (1.0.0)
    package54108 (1.0.0)
    package54109 (1.0.0)
    package54110 (1.0.0)
    package54111 (1.0.0)
    package54112 (1.0.0)
    package54113 (1.0.0)
    package54114 (1.0.0)
    package54115 (1.0.0)
    package54116 (1.0.0)
    package54117 (1.0.0)
    package54118 (1.0.0)
    package54119 (1.0.0)
    package54120 (1.0.0)
    package54121 (1.0.0)
    package54122 (1.0.0)
    package54123 (1.0.0)
    package54124 (1.0.0)
    package54125 (1.0.0)
    package54126 (1.0.0)
    package54127 (1.0.0)
    package54128 (1.0.0)
    package54129 (1.0.0)
    package54130 (1.0.0)
    package54131 (1.0.0)
    package54132 (1.0.0)
    package54133 (1.0.0)
    package54134 (1.0.0)
    package54135 (1.0.0)
    package54136 (1.0.0)
    package54137 (1.0.0)
    package54138 (1.0.0)
    package54139 (1.0.0)
    package54140 (1.0.0)
    package54141 (1.0.0)
    package54142 (1.0.0)
    package54143 (1.0.0)
    package54144 (1.0.0)
    package54145 (1.0.0)
    package54146 (1.0.0)
    package54147 (1.0.0)
    package54148 (1.0.0)
    package54149 (1.0.0)
    package54150 (1.0.0)
    package54151 (1.0.0)
    package54152 (1.0.0)
    package54153 (1.0.0)
    package54154 (1.0.0)
    package54155 (1.0.0)
    package54156 (1.0.0)
    package54157 (1.0.0)
    package54158 (1.0.0)
    package54159 (1.0.0)
    package54160 (1.0.0)
    package54161 (1.0.0)
    package54162 (1.0.0)
    package54163 (1.0.0)
    package54164 (1.0.0)
    package54165 (1.0.0)
    package54166 (1.0.0)
    package54167 (1.0.0)
    package54168 (1.0.0)
    package54169 (1.0.0)
    package54170 (1.0.0)
    package54171 (1.0.0)
    package54172 (1.0.0)
    package54173 (1.0.0)
    package54174 (1.0.0)
    package54175 (1.0.0)
    package54176 (1.0.0)
    package54177 (1.0.0)
    package54178 (1.0.0)
    package54179 (1.0.0)
    package54180 (1.0.0)
    package54181 (1.0.0)
    package54182 (1.0.0)
    package54183 (1.0.0)
    package54184 (1.0.0)
    package54185 (1.0.0)
    package54186 (1.0.0)
    package54187 (1.0.0)
    package54188 (1.0.0)
    package54189 (1.0.0)
    package54190 (1.0.0)
    package54191 (1.0.0)
    package54192 (1.0.0)
    package54193 (1.0.0)
    package54194 (1.0.0)
    package54195 (1.0.0)
    package54196 (1.0.0)
    package54197 (1.0.0)
    package54198 (1.0.0)
    package54199 (1.0.0)
    package54200 (1.0.0)
    package54201 (1.0.0)
    package54202 (1.0.0)
    package54203 (1.0.0)
    package54204 (1.0.0)
    package54205 (1.0.0)
    package54206 (1.0.0)
    package54207 (1.0.0)
    package54208 (1.0.0)
    package54209 (1.0.0)
    package54210 (1.0.0)
    package54211 (1.0.0)
    package54212 (1.0.0)
    package54213 (1.0.0)
    package54214 (1.0.0)
    package54215 (1.0.0)
    package54216 (1.0.0)
    package54217 (1.0.0)
    package54218 (1.0.0)
    package54219 (1.0.0)
    package54220 (1.0.0)
    package54221 (1.0.0)
    package54222 (1.0.0)
    package54223 (1.0.0)
    package54224 (1.0.0)
    package54225 (1.0.0)
    package54226 (1.0.0)
    package54227 (1.0.0)
    package54228 (1.0.0)
    package54229 (1.0.0)
    package54230 (1.0.0)
    package54231 (1.0.0)
    package54232 (1.0.0)
    package54233 (1.0.0)
    package54234 (1.0.0)
    package54235 (1.0.0)
    package54236 (1.0.0)
    package54237 (1.0.0)
    package54238 (1.0.0)
    package54239 (1.0.0)
    package54240 (1.0.0)
    package54241 (1.0.0)
    package54242 (1.0.0)
    package54243 (1.0.0)
    package54244 (1.0.0)
    package54245 (1.0.0)
    package54246 (1.0.0)
    package54247 (1.0.0)
    package54248 (1.0.0)
    package54249 (1.0.0)
    package54250 (1.0.0)
    package54251 (1.0.0)
    package54252 (1.0.0)
    package54253 (1.0.0)
    package54254 (1.0.0)
    package54255 (1.0.0)
    package54256 (1.0.0)
    package54257 (1.0.0)
    package54258 (1.0.0)
    package54259 (1.0.0)
    package54260 (1.0.0)
    package54261 (1.0.0)
    package54262 (1.0.0)
    package54263 (1.0.0)
    package54264 (1.0.0)
    package54265 (1.0.0)
    package54266 (1.0.0)
    package54267 (1.0.0)
    package54268 (1.0.0)
    package54269 (1.0.0)
    package54270 (1.0.0)
    package54271 (1.0.0)
    package54272 (1.0.0)
    package54273 (1.0.0)
    package54274 (1.0.0)
    package54275 (1.0.0)
    package54276 (1.0.0)
    package54277 (1.0.0)
    package54278 (1.0.0)
    package54279 (1.0.0)
    package54280 (1.0.0)
    package54281 (1.0.0)
    package54282 (1.0.0)
    package54283 (1.0.0)
    package54284 (1.0.0)
    package54285 (1.0.0)
    package54286 (1.0.0)
    package54287 (1.0.0)
    package54288 (1.0.0)
    package54289 (1.0.0)
    package54290 (1.0.0)
    package54291 (1.0.0)
    package54292 (1.0.0)
    package54293 (1.0.0)
    package54294 (1.0.0)
    package54295 (1.0.0)
    package54296 (1.0.0)
    package54297 (1.0.0)
    package54298 (1.0.0)
    package54299 (1.0.0)
    package54300 (1.0.0)
    package54301 (1.0.0)
    package54302 (1.0.0)
    package54303 (1.0.0)
    package54304 (1.0.0)
    package54305 (1.0.0)
    package54306 (1.0.0)
    package54307 (1.0.0)
    package54308 (1.0.0)
    package54309 (1.0.0)
    package54310 (1.0.0)
    package54311 (1.0.0)
    package54312 (1.0.0)
    package54313 (1.0.0)
    package54314 (1.0.0)
    package54315 (1.0.0)
    package54316 (1.0.0)
    package54317 (1.0.0)
    package54318 (1.0.0)
    package54319 (1.0.0)
    package54320 (1.0.0)
    package54321 (1.0.0)
    package54322 (1.0.0)
    package54323 (1.0.0)
    package54324 (1.0.0)
    package54325 (1.0.0)
    package54326 (1.0.0)
    package54327 (1.0.0)
    package54328 (1.0.0)
    package54329 (1.0.0)
    package54330 (1.0.0)
    package54331 (1.0.0)
    package54332 (1.0.0)
    package54333 (1.0.0)
    package54334 (1.0.0)
    package54335 (1.0.0)
    package54336 (1.0.0)
    package54337 (1.0.0)
    package54338 (1.0.0)
    package54339 (1.0.0)
    package54340 (1.0.0)
    package54341 (1.0.0)
    package54342 (1.0.0)
    package54343 (1.0.0)
    package54344 (1.0.0)
    package54345 (1.0.0)
    package54346 (1.0.0)
    package54347 (1.0.0)
    package54348 (1.0.0)
    package54349 (1.0.0)
    package54350 (1.0.0)
    package54351 (1.0.0)
    package54352 (1.0.0)
    package54353 (1.0.0)
    package54354 (1.0.0)
    package54355 (1.0.0)
    package54356 (1.0.0)
    package54357 (1.0.0)
    package54358 (1.0.0)
    package54359 (1.0.0)
    package54360 (1.0.0)
    package54361 (1.0.0)
    package54362 (1.0.0)
    package54363 (1.0.0)
    package54364 (1.0.0)
    package54365 (1.0.0)
    package54366 (1.0.0)
    package54367 (1.0.0)
    package54368 (1.0.0)
    package54369 (1.0.0)
    package54370 (1.0.0)
    package54371 (1.0.0)
    package54372 (1.0.0)
    package54373 (1.0.0)
    package54374 (1.0.0)
    package54375 (1.0.0)
    package54376 (1.0.0)
    package54377 (1.0.0)
    package54378 (1.0.0)
    package54379 (1.0.0)
    package54380 (1.0.0)
    package54381 (1.0.0)
    package54382 (1.0.0)
    package54383 (1.0.0)
    package54384 (1.0.0)
    package54385 (1.0.0)
    package54386 (1.0.0)
    package54387 (1.0.0)
    package54388 (1.0.0)
    package54389 (1.0.0)
    package54390 (1.0.0)
    package54391 (1.0.0)
    package54392 (1.0.0)
    package54393 (1.0.0)
    package54394 (1.0.0)
    package54395 (1.0.0)
    package54396 (1.0.0)
    package54397 (1.0.0)
    package54398 (1.0.0)
    package54399 (1.0.0)
    package54400 (1.0.0)
    package54401 (1.0.0)
    package54402 (1.0.0)
    package54403 (1.0.0)
    package54404 (1.0.0)
    package54405 (1.0.0)
    package54406 (1.0.0)
    package54407 (1.0.0)
    package54408 (1.0.0)
    package54409 (1.0.0)
    package54410 (1.0.0)
    package54411 (1.0.0)
    package54412 (1.0.0)
    package54413 (1.0.0)
    package54414 (1.0.0)
    package54415 (1.0.0)
    package54416 (1.0.0)
    package54417 (1.0.0)
    package54418 (1.0.0)
    package54419 (1.0.0)
    package54420 (1.0.0)
    package54421 (1.0.0)
    package54422 (1.0.0)
    package54423 (1.0.0)
    package54424 (1.0.0)
    package54425 (1.0.0)
    package54426 (1.0.0)
    package54427 (1.0.0)
    package54428 (1.0.0)
    package54429 (1.0.0)
    package54430 (1.0.0)
    package54431 (1.0.0)
    package54432 (1.0.0)
    package54433 (1.0.0)
    package54434 (1.0.0)
    package54435 (1.0.0)
    package54436 (1.0.0)
    package54437 (1.0.0)
    package54438 (1.0.0)
    package54439 (1.0.0)
    package54440 (1.0.0)
    package54441 (1.0.0)
    package54442 (1.0.0)
    package54443 (1.0.0)
    package54444 (1.0.0)
    package54445 (1.0.0)
    package54446 (1.0.0)
    package54447 (1.0.0)
    package54448 (1.0.0)
    package54449 (1.0.0)
    package54450 (1.0.0)
    package54451 (1.0.0)
    package54452 (1.0.0)
    package54453 (1.0.0)
    package54454 (1.0.0)
    package54455 (1.0.0)
    package54456 (1.0.0)
    package54457 (1.0.0)
    package54458 (1.0.0)
    package54459 (1.0.0)
    package54460 (1.0.0)
    package54461 (1.0.0)
    package54462 (1.0.0)
    package54463 (1.0.0)
    package54464 (1.0.0)
    package54465 (1.0.0)
    package54466 (1.0.0)
    package54467 (1.0.0)
    package54468 (1.0.0)
    package54469 (1.0.0)
    package54470 (1.0.0)
    package54471 (1.0.0)
    package54472 (1.0.0)
    package54473 (1.0.0)
    package54474 (1.0.0)
    package54475 (1.0.0)
    package54476 (1.0.0)
    package54477 (1.0.0)
    package54478 (1.0.0)
    package54479 (1.0.0)
    package54480 (1.0.0)
    package54481 (1.0.0)
    package54482 (1.0.0)
    package54483 (1.0.0)
    package54484 (1.0.0)
    package54485 (1.0.0)
    package54486 (1.0.0)
    package54487 (1.0.0)
    package54488 (1.0.0)
    package54489 (1.0.0)
    package54490 (1.0.0)
    package54491 (1.0.0)
    package54492 (1.0.0)
    package54493 (1.0.0)
    package54494 (1.0.0)
    package54495 (1.0.0)
    package54496 (1.0.0)
    package54497 (1.0.0)
    package54498 (1.0.0)
    package54499 (1.0.0)
    package54500 (1.0.0)
    package54501 (1.0.0)
    package54502 (1.0.0)
    package54503 (1.0.0)
    package54504 (1.0.0)
    package54505 (1.0.0)
    package54506 (1.0.0)
    package54507 (1.0.0)
    package54508 (1.0.0)
    package54509 (1.0.0)
    package54510 (1.0.0)
    package54511 (1.0.0)
    package54512 (1.0.0)
    package54513 (1.0.0)
    package54514 (1.0.0)
    package54515 (1.0.0)
    package54516 (1.0.0)
    package54517 (1.0.0)
    package54518 (1.0.0)
    package54519 (1.0.0)
    package54520 (1.0.0)
    package54521 (1.0.0)
    package54522 (1.0.0)
    package54523 (1.0.0)
    package54524 (1.0.0)
    package54525 (1.0.0)
    package54526 (1.0.0)
    package54527 (1.0.0)
    package54528 (1.0.0)
    package54529 (1.0.0)
    package54530 (1.0.0)
    package54531 (1.0.0)
    package54532 (1.0.0)
    package54533 (1.0.0)
    package54534 (1.0.0)
    package54535 (1.0.0)
    package54536 (1.0.0)
    package54537 (1.0.0)
    package54538 (1.0.0)
    package54539 (1.0.0)
    package54540 (1.0.0)
    package54541 (1.0.0)
    package54542 (1.0.0)
    package54543 (1.0.0)
    package54544 (1.0.0)
    package54545 (1.0.0)
    package54546 (1.0.0)
    package54547 (1.0.0)
    package54548 (1.0.0)
    package54549 (1.0.0)
    package54550 (1.0.0)
    package54551 (1.0.0)
    package54552 (1.0.0)
    package54553 (1.0.0)
    package54554 (1.0.0)
    package54555 (1.0.0)
    package54556 (1.0.0)
    package54557 (1.0.0)
    package54558 (1.0.0)
    package54559 (1.0.0)
    package54560 (1.0.0)
    package54561 (1.0.0)
    package54562 (1.0.0)
    package54563 (1.0.0)
    package54564 (1.0.0)
    package54565 (1.0.0)
    package54566 (1.0.0)
    package54567 (1.0.0)
    package54568 (1.0.0)
    package54569 (1.0.0)
    package54570 (1.0.0)
    package54571 (1.0.0)
    package54572 (1.0.0)
    package54573 (1.0.0)
    package54574 (1.0.0)
    package54575 (1.0.0)
    package54576 (1.0.0)
    package54577 (1.0.0)
    package54578 (1.0.0)
    package54579 (1.0.0)
    package54580 (1.0.0)
    package54581 (1.0.0)
    package54582 (1.0.0)
    package54583 (1.0.0)
    package54584 (1.0.0)
    package54585 (1.0.0)
    package54586 (1.0.0)
    package54587 (1.0.0)
    package54588 (1.0.0)
    package54589 (1.0.0)
    package54590 (1.0.0)
    package54591 (1.0.0)
    package54592 (1.0.0)
    package54593 (1.0.0)
    package54594 (1.0.0)
    package54595 (1.0.0)
    package54596 (1.0.0)
    package54597 (1.0.0)
    package54598 (1.0.0)
    package54599 (1.0.0)
    package54600 (1.0.0)
    package54601 (1.0.0)
    package54602 (1.0.0)
    package54603 (1.0.0)
    package54604 (1.0.0)
    package54605 (1.0.0)
    package54606 (1.0.0)
    package54607 (1.0.0)
    package54608 (1.0.0)
    package54609 (1.0.0)
    package54610 (1.0.0)
    package54611 (1.0.0)
    package54612 (1.0.0)
    package54613 (1.0.0)
    package54614 (1.0.0)
    package54615 (1.0.0)
    package54616 (1.0.0)
    package54617 (1.0.0)
    package54618 (1.0.0)
    package54619 (1.0.0)
    package54620 (1.0.0)
    package54621 (1.0.0)
    package54622 (1.0.0)
    package54623 (1.0.0)
    package54624 (1.0.0)
    package54625 (1.0.0)
    package54626 (1.0.0)
    package54627 (1.0.0)
    package54628 (1.0.0)
    package54629 (1.0.0)
    package54630 (1.0.0)
    package54631 (1.0.0)
    package54632 (1.0.0)
    package54633 (1.0.0)
    package54634 (1.0.0)
    package54635 (1.0.0)
    package54636 (1.0.0)
    package54637 (1.0.0)
    package54638 (1.0.0)
    package54639 (1.0.0)
    package54640 (1.0.0)
    package54641 (1.0.0)
    package54642 (1.0.0)
    package54643 (1.0.0)
    package54644 (1.0.0)
    package54645 (1.0.0)
    package54646 (1.0.0)
    package54647 (1.0.0)
    package54648 (1.0.0)
    package54649 (1.0.0)
    package54650 (1.0.0)
    package54651 (1.0.0)
    package54652 (1.0.0)
    package54653 (1.0.0)
    package54654 (1.0.0)
    package54655 (1.0.0)
    package54656 (1.0.0)
    package54657 (1.0.0)
    package54658 (1.0.0)
    package54659 (1.0.0)
    package54660 (1.0.0)
    package54661 (1.0.0)
    package54662 (1.0.0)
    package54663 (1.0.0)
    package54664 (1.0.0)
    package54665 (1.0.0)
    package54666 (1.0.0)
    package54667 (1.0.0)
    package54668 (1.0.0)
    package54669 (1.0.0)
    package54670 (1.0.0)
    package54671 (1.0.0)
    package54672 (1.0.0)
    package54673 (1.0.0)
    package54674 (1.0.0)
    package54675 (1.0.0)
    package54676 (1.0.0)
    package54677 (1.0.0)
    package54678 (1.0.0)
    package54679 (1.0.0)
    package54680 (1.0.0)
    package54681 (1.0.0)
    package54682 (1.0.0)
    package54683 (1.0.0)
    package54684 (1.0.0)
    package54685 (1.0.0)
    package54686 (1.0.0)
    package54687 (1.0.0)
    package54688 (1.0.0)
    package54689 (1.0.0)
    package54690 (1.0.0)
    package54691 (1.0.0)
    package54692 (1.0.0)
    package54693 (1.0.0)
    package54694 (1.0.0)
    package54695 (1.0.0)
    package54696 (1.0.0)
    package54697 (1.0.0)
    package54698 (1.0.0)
    package54699 (1.0.0)
    package54700 (1.0.0)
    package54701 (1.0.0)
    package54702 (1.0.0)
    package54703 (1.0.0)
    package54704 (1.0.0)
    package54705 (1.0.0)
    package54706 (1.0.0)
    package54707 (1.0.0)
    package54708 (1.0.0)
    package54709 (1.0.0)
    package54710 (1.0.0)
    package54711 (1.0.0)
    package54712 (1.0.0)
    package54713 (1.0.0)
    package54714 (1.0.0)
    package54715 (1.0.0)
    package54716 (1.0.0)
    package54717 (1.0.0)
    package54718 (1.0.0)
    package54719 (1.0.0)
    package54720 (1.0.0)
    package54721 (1.0.0)
    package54722 (1.0.0)
    package54723 (1.0.0)
    package54724 (1.0.0)
    package54725 (1.0.0)
    package54726 (1.0.0)
    package54727 (1.0.0)
    package54728 (1.0.0)
    package54729 (1.0.0)
    package54730 (1.0.0)
    package54731 (1.0.0)
    package54732 (1.0.0)
    package54733 (1.0.0)
    package54734 (1.0.0)
    package54735 (1.0.0)
    package54736 (1.0.0)
    package54737 (1.0.0)
    package54738 (1.0.0)
    package54739 (1.0.0)
    package54740 (1.0.0)
    package54741 (1.0.0)
    package54742 (1.0.0)
    package54743 (1.0.0)
    package54744 (1.0.0)
    package54745 (1.0.0)
    package54746 (1.0.0)
    package54747 (1.0.0)
    package54748 (1.0.0)
    package54749 (1.0.0)
    package54750 (1.0.0)
    package54751 (1.0.0)
    package54752 (1.0.0)
    package54753 (1.0.0)
    package54754 (1.0.0)
    package54755 (1.0.0)
    package54756 (1.0.0)
    package54757 (1.0.0)
    package54758 (1.0.0)
    package54759 (1.0.0)
    package54760 (1.0.0)
    package54761 (1.0.0)
    package54762 (1.0.0)
    package54763 (1.0.0)
    package54764 (1.0.0)
    package54765 (1.0.0)
    package54766 (1.0.0)
    package54767 (1.0.0)
    package54768 (1.0.0)
    package54769 (1.0.0)
    package54770 (1.0.0)
    package54771 (1.0.0)
    package54772 (1.0.0)
    package54773 (1.0.0)
    package54774 (1.0.0)
    package54775 (1.0.0)
    package54776 (1.0.0)
    package54777 (1.0.0)
    package54778 (1.0.0)
    package54779 (1.0.0)
    package54780 (1.0.0)
    package54781 (1.0.0)
    package54782 (1.0.0)
    package54783 (1.0.0)
    package54784 (1.0.0)
    package54785 (1.0.0)
    package54786 (1.0.0)
    package54787 (1.0.0)
    package54788 (1.0.0)
    package54789 (1.0.0)
    package54790 (1.0.0)
    package54791 (1.0.0)
    package54792 (1.0.0)
    package54793 (1.0.0)
    package54794 (1.0.0)
    package54795 (1.0.0)
    package54796 (1.0.0)
    package54797 (1.0.0)
    package54798 (1.0.0)
    package54799 (1.0.0)
    package54800 (1.0.0)
    package54801 (1.0.0)
    package54802 (1.0.0)
    package54803 (1.0.0)
    package54804 (1.0.0)
    package54805 (1.0.0)
    package54806 (1.0.0)
    package54807 (1.0.0)
    package54808 (1.0.0)
    package54809 (1.0.0)
    package54810 (1.0.0)
    package54811 (1.0.0)
    package54812 (1.0.0)
    package54813 (1.0.0)
    package54814 (1.0.0)
    package54815 (1.0.0)
    package54816 (1.0.0)
    package54817 (1.0.0)
    package54818 (1.0.0)
    package54819 (1.0.0)
    package54820 (1.0.0)
    package54821 (1.0.0)
    package54822 (1.0.0)
    package54823 (1.0.0)
    package54824 (1.0.0)
    package54825 (1.0.0)
    package54826 (1.0.0)
    package54827 (1.0.0)
    package54828 (1.0.0)
    package54829 (1.0.0)
    package54830 (1.0.0)
    package54831 (1.0.0)
    package54832 (1.0.0)
    package54833 (1.0.0)
    package54834 (1.0.0)
    package54835 (1.0.0)
    package54836 (1.0.0)
    package54837 (1.0.0)
    package54838 (1.0.0)
    package54839 (1.0.0)
    package54840 (1.0.0)
    package54841 (1.0.0)
    package54842 (1.0.0)
    package54843 (1.0.0)
    package54844 (1.0.0)
    package54845 (1.0.0)
    package54846 (1.0.0)
    package54847 (1.0.0)
    package54848 (1.0.0)
    package54849 (1.0.0)
    package54850 (1.0.0)
    package54851 (1.0.0)
    package54852 (1.0.0)
    package54853 (1.0.0)
    package54854 (1.0.0)
    package54855 (1.0.0)
    package54856 (1.0.0)
    package54857 (1.0.0)
    package54858 (1.0.0)
    package54859 (1.0.0)
    package54860 (1.0.0)
    package54861 (1.0.0)
    package54862 (1.0.0)
    package54863 (1.0.0)
    package54864 (1.0.0)
    package54865 (1.0.0)
    package54866 (1.0.0)
    package54867 (1.0.0)
    package54868 (1.0.0)
    package54869 (1.0.0)
    package54870 (1.0.0)
    package54871 (1.0.0)
    package54872 (1.0.0)
    package54873 (1.0.0)
    package54874 (1.0.0)
    package54875 (1.0.0)
    package54876 (1.0.0)
    package54877 (1.0.0)
    package54878 (1.0.0)
    package54879 (1.0.0)
    package54880 (1.0.0)
    package54881 (1.0.0)
    package54882 (1.0.0)
    package54883 (1.0.0)
    package54884 (1.0.0)
    package54885 (1.0.0)
    package54886 (1.0.0)
    package54887 (1.0.0)
    package54888 (1.0.0)
    package54889 (1.0.0)
    package54890 (1.0.0)
    package54891 (1.0.0)
    package54892 (1.0.0)
    package54893 (1.0.0)
    package54894 (1.0.0)
    package54895 (1.0.0)
    package54896 (1.0.0)
    package54897 (1.0.0)
    package54898 (1.0.0)
    package54899 (1.0.0)
    package54900 (1.0.0)
    package54901 (1.0.0)
    package54902 (1.0.0)
    package54903 (1.0.0)
    package54904 (1.0.0)
    package54905 (1.0.0)
    package54906 (1.0.0)
    package54907 (1.0.0)
    package54908 (1.0.0)
    package54909 (1.0.0)
    package54910 (1.0.0)
    package54911 (1.0.0)
    package54912 (1.0.0)
    package54913 (1.0.0)
    package54914 (1.0.0)
    package54915 (1.0.0)
    package54916 (1.0.0)
    package54917 (1.0.0)
    package54918 (1.0.0)
    package54919 (1.0.0)
    package54920 (1.0.0)
    package54921 (1.0.0)
    package54922 (1.0.0)
    package54923 (1.0.0)
    package54924 (1.0.0)
    package54925 (1.0.0)
    package54926 (1.0.0)
    package54927 (1.0.0)
    package54928 (1.0.0)
    package54929 (1.0.0)
    package54930 (1.0.0)
    package54931 (1.0.0)
    package54932 (1.0.0)
    package54933 (1.0.0)
    package54934 (1.0.0)
    package54935 (1.0.0)
    package54936 (1.0.0)
    package54937 (1.0.0)
    package54938 (1.0.0)
    package54939 (1.0.0)
    package54940 (1.0.0)
    package54941 (1.0.0)
    package54942 (1.0.0)
    package54943 (1.0.0)
    package54944 (1.0.0)
    package54945 (1.0.0)
    package54946 (1.0.0)
    package54947 (1.0.0)
    package54948 (1.0.0)
    package54949 (1.0.0)
    package54950 (1.0.0)
    package54951 (1.0.0)
    package54952 (1.0.0)
    package54953 (1.0.0)
    package54954 (1.0.0)
    package54955 (1.0.0)
    package54956 (1.0.0)
    package54957 (1.0.0)
    package54958 (1.0.0)
    package54959 (1.0.0)
    package54960 (1.0.0)
    package54961 (1.0.0)
    package54962 (1.0.0)
    package54963 (1.0.0)
    package54964 (1.0.0)
    package54965 (1.0.0)
    package54966 (1.0.0)
    package54967 (1.0.0)
    package54968 (1.0.0)
    package54969 (1.0.0)
    package54970 (1.0.0)
    package54971 (1.0.0)
    package54972 (1.0.0)
    package54973 (1.0.0)
    package54974 (1.0.0)
    package54975 (1.0.0)
    package54976 (1.0.0)
    package54977 (1.0.0)
    package54978 (1.0.0)
    package54979 (1.0.0)
    package54980 (1.0.0)
    package54981 (1.0.0)
    package54982 (1.0.0)
    package54983 (1.0.0)
    package54984 (1.0.0)
    package54985 (1.0.0)
    package54986 (1.0.0)
    package54987 (1.0.0)
    package54988 (1.0.0)
    package54989 (1.0.0)
    package54990 (1.0.0)
    package54991 (1.0.0)
    package54992 (1.0.0)
    package54993 (1.0.0)
    package54994 (1.0.0)
    package54995 (1.0.0)
    package54996 (1.0.0)
    package54997 (1.0.0)
    package54998 (1.0.0)
    package54999 (1.0.0)
    package55000 (1.0.0)
    package55001 (1.0.0)
    package55002 (1.0.0)
    package55003 (1.0.0)
    package55004 (1.0.0)
    package55005 (1.0.0)
    package55006 (1.0.0)
    package55007 (1.0.0)
    package55008 (1.0.0)
    package55009 (1.0.0)
    package55010 (1.0.0)
    package55011 (1.0.0)
    package55012 (1.0.0)
    package55013 (1.0.0)
    package55014 (1.0.0)
    package55015 (1.0.0)
    package55016 (1.0.0)
    package55017 (1.0.0)
    package55018 (1.0.0)
    package55019 (1.0.0)
    package55020 (1.0.0)
    package55021 (1.0.0)
    package55022 (1.0.0)
    package55023 (1.0.0)
    package55024 (1.0.0)
    package55025 (1.0.0)
    package55026 (1.0.0)
    package55027 (1.0.0)
    package55028 (1.0.0)
    package55029 (1.0.0)
    package55030 (1.0.0)
    package55031 (1.0.0)
    package55032 (1.0.0)
    package55033 (1.0.0)
    package55034 (1.0.0)
    package55035 (1.0.0)
    package55036 (1.0.0)
    package55037 (1.0.0)
    package55038 (1.0.0)
    package55039 (1.0.0)
    package55040 (1.0.0)
    package55041 (1.0.0)
    package55042 (1.0.0)
    package55043 (1.0.0)
    package55044 (1.0.0)
    package55045 (1.0.0)
    package55046 (1.0.0)
    package55047 (1.0.0)
    package55048 (1.0.0)
    package55049 (1.0.0)
    package55050 (1.0.0)
    package55051 (1.0.0)
    package55052 (1.0.0)
    package55053 (1.0.0)
    package55054 (1.0.0)
    package55055 (1.0.0)
    package55056 (1.0.0)
    package55057 (1.0.0)
    package55058 (1.0.0)
    package55059 (1.0.0)
    package55060 (1.0.0)
    package55061 (1.0.0)
    package55062 (1.0.0)
    package55063 (1.0.0)
    package55064 (1.0.0)
    package55065 (1.0.0)
    package55066 (1.0.0)
    package55067 (1.0.0)
    package55068 (1.0.0)
    package55069 (1.0.0)
    package55070 (1.0.0)
    package55071 (1.0.0)
    package55072 (1.0.0)
    package55073 (1.0.0)
    package55074 (1.0.0)
    package55075 (1.0.0)
    package55076 (1.0.0)
    package55077 (1.0.0)
    package55078 (1.0.0)
    package55079 (1.0.0)
    package55080 (1.0.0)
    package55081 (1.0.0)
    package55082 (1.0.0)
    package55083 (1.0.0)
    package55084 (1.0.0)
    package55085 (1.0.0)
    package55086 (1.0.0)
    package55087 (1.0.0)
    package55088 (1.0.0)
    package55089 (1.0.0)
    package55090 (1.0.0)
    package55091 (1.0.0)
    package55092 (1.0.0)
    package55093 (1.0.0)
    package55094 (1.0.0)
    package55095 (1.0.0)
    package55096 (1.0.0)
    package55097 (1.0.0)
    package55098 (1.0.0)
    package55099 (1.0.0)
    package55100 (1.0.0)
    package55101 (1.0.0)
    package55102 (1.0.0)
    package55103 (1.0.0)
    package55104 (1.0.0)
    package55105 (1.0.0)
    package55106 (1.0.0)
    package55107 (1.0.0)
    package55108 (1.0.0)
    package55109 (1.0.0)
    package55110 (1.0.0)
    package55111 (1.0.0)
    package55112 (1.0.0)
    package55113 (1.0.0)
    package55114 (1.0.0)
    package55115 (1.0.0)
    package55116 (1.0.0)
    package55117 (1.0.0)
    package55118 (1.0.0)
    package55119 (1.0.0)
    package55120 (1.0.0)
    package55121 (1.0.0)
    package55122 (1.0.0)
    package55123 (1.0.0)
    package55124 (1.0.0)
    package55125 (1.0.0)
    package55126 (1.0.0)
    package55127 (1.0.0)
    package55128 (1.0.0)
    package55129 (1.0.0)
    package55130 (1.0.0)
    package55131 (1.0.0)
    package55132 (1.0.0)
    package55133 (1.0.0)
    package55134 (1.0.0)
    package55135 (1.0.0)
    package55136 (1.0.0)
    package55137 (1.0.0)
    package55138 (1.0.0)
    package55139 (1.0.0)
    package55140 (1.0.0)
    package55141 (1.0.0)
    package55142 (1.0.0)
    package55143 (1.0.0)
    package55144 (1.0.0)
    package55145 (1.0.0)
    package55146 (1.0.0)
    package55147 (1.0.0)
    package55148 (1.0.0)
    package55149 (1.0.0)
    package55150 (1.0.0)
    package55151 (1.0.0)
    package55152 (1.0.0)
    package55153 (1.0.0)
    package55154 (1.0.0)
    package55155 (1.0.0)
    package55156 (1.0.0)
    package55157 (1.0.0)
    package55158 (1.0.0)
    package55159 (1.0.0)
    package55160 (1.0.0)
    package55161 (1.0.0)
    package55162 (1.0.0)
    package55163 (1.0.0)
    package55164 (1.0.0)
    package55165 (1.0.0)
    package55166 (1.0.0)
    package55167 (1.0.0)
    package55168 (1.0.0)
    package55169 (1.0.0)
    package55170 (1.0.0)
    package55171 (1.0.0)
    package55172 (1.0.0)
    package55173 (1.0.0)
    package55174 (1.0.0)
    package55175 (1.0.0)
    package55176 (1.0.0)
    package55177 (1.0.0)
    package55178 (1.0.0)
    package55179 (1.0.0)
    package55180 (1.0.0)
    package55181 (1.0.0)
    package55182 (1.0.0)
    package55183 (1.0.0)
    package55184 (1.0.0)
    package55185 (1.0.0)
    package55186 (1.0.0)
    package55187 (1.0.0)
    package55188 (1.0.0)
    package55189 (1.0.0)
    package55190 (1.0.0)
    package55191 (1.0.0)
    package55192 (1.0.0)
    package55193 (1.0.0)
    package55194 (1.0.0)
    package55195 (1.0.0)
    package55196 (1.0.0)
    package55197 (1.0.0)
    package55198 (1.0.0)
    package55199 (1.0.0)
    package55200 (1.0.0)
    package55201 (1.0.0)
    package55202 (1.0.0)
    package55203 (1.0.0)
    package55204 (1.0.0)
    package55205 (1.0.0)
    package55206 (1.0.0)
    package55207 (1.0.0)
    package55208 (1.0.0)
    package55209 (1.0.0)
    package55210 (1.0.0)
    package55211 (1.0.0)
    package55212 (1.0.0)
    package55213 (1.0.0)
    package55214 (1.0.0)
    package55215 (1.0.0)
    package55216 (1.0.0)
    package55217 (1.0.0)
    package55218 (1.0.0)
    package55219 (1.0.0)
    package55220 (1.0.0)
    package55221 (1.0.0)
    package55222 (1.0.0)
    package55223 (1.0.0)
    package55224 (1.0.0)
    package55225 (1.0.0)
    package55226 (1.0.0)
    package55227 (1.0.0)
    package55228 (1.0.0)
    package55229 (1.0.0)
    package55230 (1.0.0)
    package55231 (1.0.0)
    package55232 (1.0.0)
    package55233 (1.0.0)
    package55234 (1.0.0)
    package55235 (1.0.0)
    package55236 (1.0.0)
    package55237 (1.0.0)
    package55238 (1.0.0)
    package55239 (1.0.0)
    package55240 (1.0.0)
    package55241 (1.0.0)
    package55242 (1.0.0)
    package55243 (1.0.0)
    package55244 (1.0.0)
    package55245 (1.0.0)
    package55246 (1.0.0)
    package55247 (1.0.0)
    package55248 (1.0.0)
    package55249 (1.0.0)
    package55250 (1.0.0)
    package55251 (1.0.0)
    package55252 (1.0.0)
    package55253 (1.0.0)
    package55254 (1.0.0)
    package55255 (1.0.0)
    package55256 (1.0.0)
    package55257 (1.0.0)
    package55258 (1.0.0)
    package55259 (1.0.0)
    package55260 (1.0.0)
    package55261 (1.0.0)
    package55262 (1.0.0)
    package55263 (1.0.0)
    package55264 (1.0.0)
    package55265 (1.0.0)
    package55266 (1.0.0)
    package55267 (1.0.0)
    package55268 (1.0.0)
    package55269 (1.0.0)
    package55270 (1.0.0)
    package55271 (1.0.0)
    package55272 (1.0.0)
    package55273 (1.0.0)
    package55274 (1.0.0)
    package55275 (1.0.0)
    package55276 (1.0.0)
    package55277 (1.0.0)
    package55278 (1.0.0)
    package55279 (1.0.0)
    package55280 (1.0.0)
    package55281 (1.0.0)
    package55282 (1.0.0)
    package55283 (1.0.0)
    package55284 (1.0.0)
    package55285 (1.0.0)
    package55286 (1.0.0)
    package55287 (1.0.0)
    package55288 (1.0.0)
    package55289 (1.0.0)
    package55290 (1.0.0)
    package55291 (1.0.0)
    package55292 (1.0.0)
    package55293 (1.0.0)
    package55294 (1.0.0)
    package55295 (1.0.0)
    package55296 (1.0.0)
    package55297 (1.0.0)
    package55298 (1.0.0)
    package55299 (1.0.0)
    package55300 (1.0.0)
    package55301 (1.0.0)
    package55302 (1.0.0)
    package55303 (1.0.0)
    package55304 (1.0.0)
    package55305 (1.0.0)
    package55306 (1.0.0)
    package55307 (1.0.0)
    package55308 (1.0.0)
    package55309 (1.0.0)
    package55310 (1.0.0)
    package55311 (1.0.0)
    package55312 (1.0.0)
    package55313 (1.0.0)
    package55314 (1.0.0)
    package55315 (1.0.0)
    package55316 (1.0.0)
    package55317 (1.0.0)
    package55318 (1.0.0)
    package55319 (1.0.0)
    package55320 (1.0.0)
    package55321 (1.0.0)
    package55322 (1.0.0)
    package55323 (1.0.0)
    package55324 (1.0.0)
    package55325 (1.0.0)
    package55326 (1.0.0)
    package55327 (1.0.0)
    package55328 (1.0.0)
    package55329 (1.0.0)
    package55330 (1.0.0)
    package55331 (1.0.0)
    package55332 (1.0.0)
    package55333 (1.0.0)
    package55334 (1.0.0)
    package55335 (1.0.0)
    package55336 (1.0.0)
    package55337 (1.0.0)
    package55338 (1.0.0)
    package55339 (1.0.0)
    package55340 (1.0.0)
    package55341 (1.0.0)
    package55342 (1.0.0)
    package55343 (1.0.0)
    package55344 (1.0.0)
    package55345 (1.0.0)
    package55346 (1.0.0)
    package55347 (1.0.0)
    package55348 (1.0.0)
    package55349 (1.0.0)
    package55350 (1.0.0)
    package55351 (1.0.0)
    package55352 (1.0.0)
    package55353 (1.0.0)
    package55354 (1.0.0)
    package55355 (1.0.0)
    package55356 (1.0.0)
    package55357 (1.0.0)
    package55358 (1.0.0)
    package55359 (1.0.0)
    package55360 (1.0.0)
    package55361 (1.0.0)
    package55362 (1.0.0)
    package55363 (1.0.0)
    package55364 (1.0.0)
    package55365 (1.0.0)
    package55366 (1.0.0)
    package55367 (1.0.0)
    package55368 (1.0.0)
    package55369 (1.0.0)
    package55370 (1.0.0)
    package55371 (1.0.0)
    package55372 (1.0.0)
    package55373 (1.0.0)
    package55374 (1.0.0)
    package55375 (1.0.0)
    package55376 (1.0.0)
    package55377 (1.0.0)
    package55378 (1.0.0)
    package55379 (1.0.0)
    package55380 (1.0.0)
    package55381 (1.0.0)
    package55382 (1.0.0)
    package55383 (1.0.0)
    package55384 (1.0.0)
    package55385 (1.0.0)
    package55386 (1.0.0)
    package55387 (1.0.0)
    package55388 (1.0.0)
    package55389 (1.0.0)
    package55390 (1.0.0)
    package55391 (1.0.0)
    package55392 (1.0.0)
    package55393 (1.0.0)
    package55394 (1.0.0)
    package55395 (1.0.0)
    package55396 (1.0.0)
    package55397 (1.0.0)
    package55398 (1.0.0)
    package55399 (1.0.0)
    package55400 (1.0.0)
    package55401 (1.0.0)
    package55402 (1.0.0)
    package55403 (1.0.0)
    package55404 (1.0.0)
    package55405 (1.0.0)
    package55406 (1.0.0)
    package55407 (1.0.0)
    package55408 (1.0.0)
    package55409 (1.0.0)
    package55410 (1.0.0)
    package55411 (1.0.0)
    package55412 (1.0.0)
    package55413 (1.0.0)
    package55414 (1.0.0)
    package55415 (1.0.0)
    package55416 (1.0.0)
    package55417 (1.0.0)
    package55418 (1.0.0)
    package55419 (1.0.0)
    package55420 (1.0.0)
    package55421 (1.0.0)
    package55422 (1.0.0)
    package55423 (1.0.0)
    package55424 (1.0.0)
    package55425 (1.0.0)
    package55426 (1.0.0)
    package55427 (1.0.0)
    package55428 (1.0.0)
    package55429 (1.0.0)
    package55430 (1.0.0)
    package55431 (1.0.0)
    package55432 (1.0.0)
    package55433 (1.0.0)
    package55434 (1.0.0)
    package55435 (1.0.0)
    package55436 (1.0.0)
    package55437 (1.0.0)
    package55438 (1.0.0)
    package55439 (1.0.0)
    package55440 (1.0.0)
    package55441 (1.0.0)
    package55442 (1.0.0)
    package55443 (1.0.0)
    package55444 (1.0.0)
    package55445 (1.0.0)
    package55446 (1.0.0)
    package55447 (1.0.0)
    package55448 (1.0.0)
    package55449 (1.0.0)
    package55450 (1.0.0)
    package55451 (1.0.0)
    package55452 (1.0.0)
    package55453 (1.0.0)
    package55454 (1.0.0)
    package55455 (1.0.0)
    package55456 (1.0.0)
    package55457 (1.0.0)
    package55458 (1.0.0)
    package55459 (1.0.0)
    package55460 (1.0.0)
    package55461 (1.0.0)
    package55462 (1.0.0)
    package55463 (1.0.0)
    package55464 (1.0.0)
    package55465 (1.0.0)
    package55466 (1.0.0)
    package55467 (1.0.0)
    package55468 (1.0.0)
    package55469 (1.0.0)
    package55470 (1.0.0)
    package55471 (1.0.0)
    package55472 (1.0.0)
    package55473 (1.0.0)
    package55474 (1.0.0)
    package55475 (1.0.0)
    package55476 (1.0.0)
    package55477 (1.0.0)
    package55478 (1.0.0)
    package55479 (1.0.0)
    package55480 (1.0.0)
    package55481 (1.0.0)
    package55482 (1.0.0)
    package55483 (1.0.0)
    package55484 (1.0.0)
    package55485 (1.0.0)
    package55486 (1.0.0)
    package55487 (1.0.0)
    package55488 (1.0.0)
    package55489 (1.0.0)
    package55490 (1.0.0)
    package55491 (1.0.0)
    package55492 (1.0.0)
    package55493 (1.0.0)
    package55494 (1.0.0)
    package55495 (1.0.0)
    package55496 (1.0.0)
    package55497 (1.0.0)
    package55498 (1.0.0)
    package55499 (1.0.0)
    package55500 (1.0.0)
    package55501 (1.0.0)
    package55502 (1.0.0)
    package55503 (1.0.0)
    package55504 (1.0.0)
    package55505 (1.0.0)
    package55506 (1.0.0)
    package55507 (1.0.0)
    package55508 (1.0.0)
    package55509 (1.0.0)
    package55510 (1.0.0)
    package55511 (1.0.0)
    package55512 (1.0.0)
    package55513 (1.0.0)
    package55514 (1.0.0)
    package55515 (1.0.0)
    package55516 (1.0.0)
    package55517 (1.0.0)
    package55518 (1.0.0)
    package55519 (1.0.0)
    package55520 (1.0.0)
    package55521 (1.0.0)
    package55522 (1.0.0)
    package55523 (1.0.0)
    package55524 (1.0.0)
    package55525 (1.0.0)
    package55526 (1.0.0)
    package55527 (1.0.0)
    package55528 (1.0.0)
    package55529 (1.0.0)
    package55530 (1.0.0)
    package55531 (1.0.0)
    package55532 (1.0.0)
    package55533 (1.0.0)
    package55534 (1.0.0)
    package55535 (1.0.0)
    package55536 (1.0.0)
    package55537 (1.0.0)
    package55538 (1.0.0)
    package55539 (1.0.0)
    package55540 (1.0.0)
    package55541 (1.0.0)
    package55542 (1.0.0)
    package55543 (1.0.0)
    package55544 (1.0.0)
    package55545 (1.0.0)
    package55546 (1.0.0)
    package55547 (1.0.0)
    package55548 (1.0.0)
    package55549 (1.0.0)
    package55550 (1.0.0)
    package55551 (1.0.0)
    package55552 (1.0.0)
    package55553 (1.0.0)
    package55554 (1.0.0)
    package55555 (1.0.0)
    package55556 (1.0.0)
    package55557 (1.0.0)
    package55558 (1.0.0)
    package55559 (1.0.0)
    package55560 (1.0.0)
    package55561 (1.0.0)
    package55562 (1.0.0)
    package55563 (1.0.0)
    package55564 (1.0.0)
    package55565 (1.0.0)
    package55566 (1.0.0)
    package55567 (1.0.0)
    package55568 (1.0.0)
    package55569 (1.0.0)
    package55570 (1.0.0)
    package55571 (1.0.0)
    package55572 (1.0.0)
    package55573 (1.0.0)
    package55574 (1.0.0)
    package55575 (1.0.0)
    package55576 (1.0.0)
    package55577 (1.0.0)
    package55578 (1.0.0)
    package55579 (1.0.0)
    package55580 (1.0.0)
    package55581 (1.0.0)
    package55582 (1.0.0)
    package55583 (1.0.0)
    package55584 (1.0.0)
    package55585 (1.0.0)
    package55586 (1.0.0)
    package55587 (1.0.0)
    package55588 (1.0.0)
    package55589 (1.0.0)
    package55590 (1.0.0)
    package55591 (1.0.0)
    package55592 (1.0.0)
    package55593 (1.0.0)
    package55594 (1.0.0)
    package55595 (1.0.0)
    package55596 (1.0.0)
    package55597 (1.0.0)
    package55598 (1.0.0)
    package55599 (1.0.0)
    package55600 (1.0.0)
    package55601 (1.0.0)
    package55602 (1.0.0)
    package55603 (1.0.0)
    package55604 (1.0.0)
    package55605 (1.0.0)
    package55606 (1.0.0)
    package55607 (1.0.0)
    package55608 (1.0.0)
    package55609 (1.0.0)
    package55610 (1.0.0)
    package55611 (1.0.0)
    package55612 (1.0.0)
    package55613 (1.0.0)
    package55614 (1.0.0)
    package55615 (1.0.0)
    package55616 (1.0.0)
    package55617 (1.0.0)
    package55618 (1.0.0)
    package55619 (1.0.0)
    package55620 (1.0.0)
    package55621 (1.0.0)
    package55622 (1.0.0)
    package55623 (1.0.0)
    package55624 (1.0.0)
    package55625 (1.0.0)
    package55626 (1.0.0)
    package55627 (1.0.0)
    package55628 (1.0.0)
    package55629 (1.0.0)
    package55630 (1.0.0)
    package55631 (1.0.0)
    package55632 (1.0.0)
    package55633 (1.0.0)
    package55634 (1.0.0)
    package55635 (1.0.0)
    package55636 (1.0.0)
    package55637 (1.0.0)
    package55638 (1.0.0)
    package55639 (1.0.0)
    package55640 (1.0.0)
    package55641 (1.0.0)
    package55642 (1.0.0)
    package55643 (1.0.0)
    package55644 (1.0.0)
    package55645 (1.0.0)
    package55646 (1.0.0)
    package55647 (1.0.0)
    package55648 (1.0.0)
    package55649 (1.0.0)
    package55650 (1.0.0)
    package55651 (1.0.0)
    package55652 (1.0.0)
    package55653 (1.0.0)
    package55654 (1.0.0)
    package55655 (1.0.0)
    package55656 (1.0.0)
    package55657 (1.0.0)
    package55658 (1.0.0)
    package55659 (1.0.0)
    package55660 (1.0.0)
    package55661 (1.0.0)
    package55662 (1.0.0)
    package55663 (1.0.0)
    package55664 (1.0.0)
    package55665 (1.0.0)
    package55666 (1.0.0)
    package55667 (1.0.0)
    package55668 (1.0.0)
    package55669 (1.0.0)
    package55670 (1.0.0)
    package55671 (1.0.0)
    package55672 (1.0.0)
    package55673 (1.0.0)
    package55674 (1.0.0)
    package55675 (1.0.0)
    package55676 (1.0.0)
    package55677 (1.0.0)
    package55678 (1.0.0)
    package55679 (1.0.0)
    package55680 (1.0.0)
    package55681 (1.0.0)
    package55682 (1.0.0)
    package55683 (1.0.0)
    package55684 (1.0.0)
    package55685 (1.0.0)
    package55686 (1.0.0)
    package55687 (1.0.0)
    package55688 (1.0.0)
    package55689 (1.0.0)
    package55690 (1.0.0)
    package55691 (1.0.0)
    package55692 (1.0.0)
    package55693 (1.0.0)
    package55694 (1.0.0)
    package55695 (1.0.0)
    package55696 (1.0.0)
    package55697 (1.0.0)
    package55698 (1.0.0)
    package55699 (1.0.0)
    package55700 (1.0.0)
    package55701 (1.0.0)
    package55702 (1.0.0)
    package55703 (1.0.0)
    package55704 (1.0.0)
    package55705 (1.0.0)
    package55706 (1.0.0)
    package55707 (1.0.0)
    package55708 (1.0.0)
    package55709 (1.0.0)
    package55710 (1.0.0)
    package55711 (1.0.0)
    package55712 (1.0.0)
    package55713 (1.0.0)
    package55714 (1.0.0)
    package55715 (1.0.0)
    package55716 (1.0.0)
    package55717 (1.0.0)
    package55718 (1.0.0)
    package55719 (1.0.0)
    package55720 (1.0.0)
    package55721 (1.0.0)
    package55722 (1.0.0)
    package55723 (1.0.0)
    package55724 (1.0.0)
    package55725 (1.0.0)
    package55726 (1.0.0)
    package55727 (1.0.0)
    package55728 (1.0.0)
    package55729 (1.0.0)
    package55730 (1.0.0)
    package55731 (1.0.0)
    package55732 (1.0.0)
    package55733 (1.0.0)
    package55734 (1.0.0)
    package55735 (1.0.0)
    package55736 (1.0.0)
    package55737 (1.0.0)
    package55738 (1.0.0)
    package55739 (1.0.0)
    package55740 (1.0.0)
    package55741 (1.0.0)
    package55742 (1.0.0)
    package55743 (1.0.0)
    package55744 (1.0.0)
    package55745 (1.0.0)
    package55746 (1.0.0)
    package55747 (1.0.0)
    package55748 (1.0.0)
    package55749 (1.0.0)
    package55750 (1.0.0)
    package55751 (1.0.0)
    package55752 (1.0.0)
    package55753 (1.0.0)
    package55754 (1.0.0)
    package55755 (1.0.0)
    package55756 (1.0.0)
    package55757 (1.0.0)
    package55758 (1.0.0)
    package55759 (1.0.0)
    package55760 (1.0.0)
    package55761 (1.0.0)
    package55762 (1.0.0)
    package55763 (1.0.0)
    package55764 (1.0.0)
    package55765 (1.0.0)
    package55766 (1.0.0)
    package55767 (1.0.0)
    package55768 (1.0.0)
    package55769 (1.0.0)
    package55770 (1.0.0)
    package55771 (1.0.0)
    package55772 (1.0.0)
    package55773 (1.0.0)
    package55774 (1.0.0)
    package55775 (1.0.0)
    package55776 (1.0.0)
    package55777 (1.0.0)
    package55778 (1.0.0)
    package55779 (1.0.0)
    package55780 (1.0.0)
    package55781 (1.0.0)
    package55782 (1.0.0)
    package55783 (1.0.0)
    package55784 (1.0.0)
    package55785 (1.0.0)
    package55786 (1.0.0)
    package55787 (1.0.0)
    package55788 (1.0.0)
    package55789 (1.0.0)
    package55790 (1.0.0)
    package55791 (1.0.0)
    package55792 (1.0.0)
    package55793 (1.0.0)
    package55794 (1.0.0)
    package55795 (1.0.0)
    package55796 (1.0.0)
    package55797 (1.0.0)
    package55798 (1.0.0)
    package55799 (1.0.0)
    package55800 (1.0.0)
    package55801 (1.0.0)
    package55802 (1.0.0)
    package55803 (1.0.0)
    package55804 (1.0.0)
    package55805 (1.0.0)
    package55806 (1.0.0)
    package55807 (1.0.0)
    package55808 (1.0.0)
    package55809 (1.0.0)
    package55810 (1.0.0)
    package55811 (1.0.0)
    package55812 (1.0.0)
    package55813 (1.0.0)
    package55814 (1.0.0)
    package55815 (1.0.0)
    package55816 (1.0.0)
    package55817 (1.0.0)
    package55818 (1.0.0)
    package55819 (1.0.0)
    package55820 (1.0.0)
    package55821 (1.0.0)
    package55822 (1.0.0)
    package55823 (1.0.0)
    package55824 (1.0.0)
    package55825 (1.0.0)
    package55826 (1.0.0)
    package55827 (1.0.0)
    package55828 (1.0.0)
    package55829 (1.0.0)
    package55830 (1.0.0)
    package55831 (1.0.0)
    package55832 (1.0.0)
    package55833 (1.0.0)
    package55834 (1.0.0)
    package55835 (1.0.0)
    package55836 (1.0.0)
    package55837 (1.0.0)
    package55838 (1.0.0)
    package55839 (1.0.0)
    package55840 (1.0.0)
    package55841 (1.0.0)
    package55842 (1.0.0)
    package55843 (1.0.0)
    package55844 (1.0.0)
    package55845 (1.0.0)
    package55846 (1.0.0)
    package55847 (1.0.0)
    package55848 (1.0.0)
    package55849 (1.0.0)
    package55850 (1.0.0)
    package55851 (1.0.0)
    package55852 (1.0.0)
    package55853 (1.0.0)
    package55854 (1.0.0)
    package55855 (1.0.0)
    package55856 (1.0.0)
    package55857 (1.0.0)
    package55858 (1.0.0)
    package55859 (1.0.0)
    package55860 (1.0.0)
    package55861 (1.0.0)
    package55862 (1.0.0)
    package55863 (1.0.0)
    package55864 (1.0.0)
    package55865 (1.0.0)
    package55866 (1.0.0)
    package55867 (1.0.0)
    package55868 (1.0.0)
    package55869 (1.0.0)
    package55870 (1.0.0)
    package55871 (1.0.0)
    package55872 (1.0.0)
    package55873 (1.0.0)
    package55874 (1.0.0)
    package55875 (1.0.0)
    package55876 (1.0.0)
    package55877 (1.0.0)
    package55878 (1.0.0)
    package55879 (1.0.0)
    package55880 (1.0.0)
    package55881 (1.0.0)
    package55882 (1.0.0)
    package55883 (1.0.0)
    package55884 (1.0.0)
    package55885 (1.0.0)
    package55886 (1.0.0)
    package55887 (1.0.0)
    package55888 (1.0.0)
    package55889 (1.0.0)
    package55890 (1.0.0)
    package55891 (1.0.0)
    package55892 (1.0.0)
    package55893 (1.0.0)
    package55894 (1.0.0)
    package55895 (1.0.0)
    package55896 (1.0.0)
    package55897 (1.0.0)
    package55898 (1.0.0)
    package55899 (1.0.0)
    package55900 (1.0.0)
    package55901 (1.0.0)
    package55902 (1.0.0)
    package55903 (1.0.0)
    package55904 (1.0.0)
    package55905 (1.0.0)
    package55906 (1.0.0)
    package55907 (1.0.0)
    package55908 (1.0.0)
    package55909 (1.0.0)
    package55910 (1.0.0)
    package55911 (1.0.0)
    package55912 (1.0.0)
    package55913 (1.0.0)
    package55914 (1.0.0)
    package55915 (1.0.0)
    package55916 (1.0.0)
    package55917 (1.0.0)
    package55918 (1.0.0)
    package55919 (1.0.0)
    package55920 (1.0.0)
    package55921 (1.0.0)
    package55922 (1.0.0)
    package55923 (1.0.0)
    package55924 (1.0.0)
    package55925 (1.0.0)
    package55926 (1.0.0)
    package55927 (1.0.0)
    package55928 (1.0.0)
    package55929 (1.0.0)
    package55930 (1.0.0)
    package55931 (1.0.0)
    package55932 (1.0.0)
    package55933 (1.0.0)
    package55934 (1.0.0)
    package55935 (1.0.0)
    package55936 (1.0.0)
    package55937 (1.0.0)
    package55938 (1.0.0)
    package55939 (1.0.0)
    package55940 (1.0.0)
    package55941 (1.0.0)
    package55942 (1.0.0)
    package55943 (1.0.0)
    package55944 (1.0.0)
    package55945 (1.0.0)
    package55946 (1.0.0)
    package55947 (1.0.0)
    package55948 (1.0.0)
    package55949 (1.0.0)
    package55950 (1.0.0)
    package55951 (1.0.0)
    package55952 (1.0.0)
    package55953 (1.0.0)
    package55954 (1.0.0)
    package55955 (1.0.0)
    package55956 (1.0.0)
    package55957 (1.0.0)
    package55958 (1.0.0)
    package55959 (1.0.0)
    package55960 (1.0.0)
    package55961 (1.0.0)
    package55962 (1.0.0)
    package55963 (1.0.0)
    package55964 (1.0.0)
    package55965 (1.0.0)
    package55966 (1.0.0)
    package55967 (1.0.0)
    package55968 (1.0.0)
    package55969 (1.0.0)
    package55970 (1.0.0)
    package55971 (1.0.0)
    package55972 (1.0.0)
    package55973 (1.0.0)
    package55974 (1.0.0)
    package55975 (1.0.0)
    package55976 (1.0.0)
    package55977 (1.0.0)
    package55978 (1.0.0)
    package55979 (1.0.0)
    package55980 (1.0.0)
    package55981 (1.0.0)
    package55982 (1.0.0)
    package55983 (1.0.0)
    package55984 (1.0.0)
    package55985 (1.0.0)
    package55986 (1.0.0)
    package55987 (1.0.0)
    package55988 (1.0.0)
    package55989 (1.0.0)
    package55990 (1.0.0)
    package55991 (1.0.0)
    package55992 (1.0.0)
    package55993 (1.0.0)
    package55994 (1.0.0)
    package55995 (1.0.0)
    package55996 (1.0.0)
    package55997 (1.0.0)
    package55998 (1.0.0)
    package55999 (1.0.0)
    package56000 (1.0.0)
    package56001 (1.0.0)
    package56002 (1.0.0)
    package56003 (1.0.0)
    package56004 (1.0.0)
    package56005 (1.0.0)
    package56006 (1.0.0)
    package56007 (1.0.0)
    package56008 (1.0.0)
    package56009 (1.0.0)
    package56010 (1.0.0)
    package56011 (1.0.0)
    package56012 (1.0.0)
    package56013 (1.0.0)
    package56014 (1.0.0)
    package56015 (1.0.0)
    package56016 (1.0.0)
    package56017 (1.0.0)
    package56018 (1.0.0)
    package56019 (1.0.0)
    package56020 (1.0.0)
    package56021 (1.0.0)
    package56022 (1.0.0)
    package56023 (1.0.0)
    package56024 (1.0.0)
    package56025 (1.0.0)
    package56026 (1.0.0)
    package56027 (1.0.0)
    package56028 (1.0.0)
    package56029 (1.0.0)
    package56030 (1.0.0)
    package56031 (1.0.0)
    package56032 (1.0.0)
    package56033 (1.0.0)
    package56034 (1.0.0)
    package56035 (1.0.0)
    package56036 (1.0.0)
    package56037 (1.0.0)
    package56038 (1.0.0)
    package56039 (1.0.0)
    package56040 (1.0.0)
    package56041 (1.0.0)
    package56042 (1.0.0)
    package56043 (1.0.0)
    package56044 (1.0.0)
    package56045 (1.0.0)
    package56046 (1.0.0)
    package56047 (1.0.0)
    package56048 (1.0.0)
    package56049 (1.0.0)
    package56050 (1.0.0)
    package56051 (1.0.0)
    package56052 (1.0.0)
    package56053 (1.0.0)
    package56054 (1.0.0)
    package56055 (1.0.0)
    package56056 (1.0.0)
    package56057 (1.0.0)
    package56058 (1.0.0)
    package56059 (1.0.0)
    package56060 (1.0.0)
    package56061 (1.0.0)
    package56062 (1.0.0)
    package56063 (1.0.0)
    package56064 (1.0.0)
    package56065 (1.0.0)
    package56066 (1.0.0)
    package56067 (1.0.0)
    package56068 (1.0.0)
    package56069 (1.0.0)
    package56070 (1.0.0)
    package56071 (1.0.0)
    package56072 (1.0.0)
    package56073 (1.0.0)
    package56074 (1.0.0)
    package56075 (1.0.0)
    package56076 (1.0.0)
    package56077 (1.0.0)
    package56078 (1.0.0)
    package56079 (1.0.0)
    package56080 (1.0.0)
    package56081 (1.0.0)
    package56082 (1.0.0)
    package56083 (1.0.0)
    package56084 (1.0.0)
    package56085 (1.0.0)
    package56086 (1.0.0)
    package56087 (1.0.0)
    package56088 (1.0.0)
    package56089 (1.0.0)
    package56090 (1.0.0)
    package56091 (1.0.0)
    package56092 (1.0.0)
    package56093 (1.0.0)
    package56094 (1.0.0)
    package56095 (1.0.0)
    package56096 (1.0.0)
    package56097 (1.0.0)
    package56098 (1.0.0)
    package56099 (1.0.0)
    package56100 (1.0.0)
    package56101 (1.0.0)
    package56102 (1.0.0)
    package56103 (1.0.0)
    package56104 (1.0.0)
    package56105 (1.0.0)
    package56106 (1.0.0)
    package56107 (1.0.0)
    package56108 (1.0.0)
    package56109 (1.0.0)
    package56110 (1.0.0)
    package56111 (1.0.0)
    package56112 (1.0.0)
    package56113 (1.0.0)
    package56114 (1.0.0)
    package56115 (1.0.0)
    package56116 (1.0.0)
    package56117 (1.0.0)
    package56118 (1.0.0)
    package56119 (1.0.0)
    package56120 (1.0.0)
    package56121 (1.0.0)
    package56122 (1.0.0)
    package56123 (1.0.0)
    package56124 (1.0.0)
    package56125 (1.0.0)
    package56126 (1.0.0)
    package56127 (1.0.0)
    package56128 (1.0.0)
    package56129 (1.0.0)
    package56130 (1.0.0)
    package56131 (1.0.0)
    package56132 (1.0.0)
    package56133 (1.0.0)
    package56134 (1.0.0)
    package56135 (1.0.0)
    package56136 (1.0.0)
    package56137 (1.0.0)
    package56138 (1.0.0)
    package56139 (1.0.0)
    package56140 (1.0.0)
    package56141 (1.0.0)
    package56142 (1.0.0)
    package56143 (1.0.0)
    package56144 (1.0.0)
    package56145 (1.0.0)
    package56146 (1.0.0)
    package56147 (1.0.0)
    package56148 (1.0.0)
    package56149 (1.0.0)
    package56150 (1.0.0)
    package56151 (1.0.0)
    package56152 (1.0.0)
    package56153 (1.0.0)
    package56154 (1.0.0)
    package56155 (1.0.0)
    package56156 (1.0.0)
    package56157 (1.0.0)
    package56158 (1.0.0)
    package56159 (1.0.0)
    package56160 (1.0.0)
    package56161 (1.0.0)
    package56162 (1.0.0)
    package56163 (1.0.0)
    package56164 (1.0.0)
    package56165 (1.0.0)
    package56166 (1.0.0)
    package56167 (1.0.0)
    package56168 (1.0.0)
    package56169 (1.0.0)
    package56170 (1.0.0)
    package56171 (1.0.0)
    package56172 (1.0.0)
    package56173 (1.0.0)
    package56174 (1.0.0)
    package56175 (1.0.0)
    package56176 (1.0.0)
    package56177 (1.0.0)
    package56178 (1.0.0)
    package56179 (1.0.0)
    package56180 (1.0.0)
    package56181 (1.0.0)
    package56182 (1.0.0)
    package56183 (1.0.0)
    package56184 (1.0.0)
    package56185 (1.0.0)
    package56186 (1.0.0)
    package56187 (1.0.0)
    package56188 (1.0.0)
    package56189 (1.0.0)
    package56190 (1.0.0)
    package56191 (1.0.0)
    package56192 (1.0.0)
    package56193 (1.0.0)
    package56194 (1.0.0)
    package56195 (1.0.0)
    package56196 (1.0.0)
    package56197 (1.0.0)
    package56198 (1.0.0)
    package56199 (1.0.0)
    package56200 (1.0.0)
    package56201 (1.0.0)
    package56202 (1.0.0)
    package56203 (1.0.0)
    package56204 (1.0.0)
    package56205 (1.0.0)
    package56206 (1.0.0)
    package56207 (1.0.0)
    package56208 (1.0.0)
    package56209 (1.0.0)
    package56210 (1.0.0)
    package56211 (1.0.0)
    package56212 (1.0.0)
    package56213 (1.0.0)
    package56214 (1.0.0)
    package56215 (1.0.0)
    package56216 (1.0.0)
    package56217 (1.0.0)
    package56218 (1.0.0)
    package56219 (1.0.0)
    package56220 (1.0.0)
    package56221 (1.0.0)
    package56222 (1.0.0)
    package56223 (1.0.0)
    package56224 (1.0.0)
    package56225 (1.0.0)
    package56226 (1.0.0)
    package56227 (1.0.0)
    package56228 (1.0.0)
    package56229 (1.0.0)
    package56230 (1.0.0)
    package56231 (1.0.0)
    package56232 (1.0.0)
    package56233 (1.0.0)
    package56234 (1.0.0)
    package56235 (1.0.0)
    package56236 (1.0.0)
    package56237 (1.0.0)
    package56238 (1.0.0)
    package56239 (1.0.0)
    package56240 (1.0.0)
    package56241 (1.0.0)
    package56242 (1.0.0)
    package56243 (1.0.0)
    package56244 (1.0.0)
    package56245 (1.0.0)
    package56246 (1.0.0)
    package56247 (1.0.0)
    package56248 (1.0.0)
    package56249 (1.0.0)
    package56250 (1.0.0)
    package56251 (1.0.0)
    package56252 (1.0.0)
    package56253 (1.0.0)
    package56254 (1.0.0)
    package56255 (1.0.0)
    package56256 (1.0.0)
    package56257 (1.0.0)
    package56258 (1.0.0)
    package56259 (1.0.0)
    package56260 (1.0.0)
    package56261 (1.0.0)
    package56262 (1.0.0)
    package56263 (1.0.0)
    package56264 (1.0.0)
    package56265 (1.0.0)
    package56266 (1.0.0)
    package56267 (1.0.0)
    package56268 (1.0.0)
    package56269 (1.0.0)
    package56270 (1.0.0)
    package56271 (1.0.0)
    package56272 (1.0.0)
    package56273 (1.0.0)
    package56274 (1.0.0)
    package56275 (1.0.0)
    package56276 (1.0.0)
    package56277 (1.0.0)
    package56278 (1.0.0)
    package56279 (1.0.0)
    package56280 (1.0.0)
    package56281 (1.0.0)
    package56282 (1.0.0)
    package56283 (1.0.0)
    package56284 (1.0.0)
    package56285 (1.0.0)
    package56286 (1.0.0)
    package56287 (1.0.0)
    package56288 (1.0.0)
    package56289 (1.0.0)
    package56290 (1.0.0)
    package56291 (1.0.0)
    package56292 (1.0.0)
    package56293 (1.0.0)
    package56294 (1.0.0)
    package56295 (1.0.0)
    package56296 (1.0.0)
    package56297 (1.0.0)
    package56298 (1.0.0)
    package56299 (1.0.0)
    package56300 (1.0.0)
    package56301 (1.0.0)
    package56302 (1.0.0)
    package56303 (1.0.0)
    package56304 (1.0.0)
    package56305 (1.0.0)
    package56306 (1.0.0)
    package56307 (1.0.0)
    package56308 (1.0.0)
    package56309 (1.0.0)
    package56310 (1.0.0)
    package56311 (1.0.0)
    package56312 (1.0.0)
    package56313 (1.0.0)
    package56314 (1.0.0)
    package56315 (1.0.0)
    package56316 (1.0.0)
    package56317 (1.0.0)
    package56318 (1.0.0)
    package56319 (1.0.0)
    package56320 (1.0.0)
    package56321 (1.0.0)
    package56322 (1.0.0)
    package56323 (1.0.0)
    package56324 (1.0.0)
    package56325 (1.0.0)
    package56326 (1.0.0)
    package56327 (1.0.0)
    package56328 (1.0.0)
    package56329 (1.0.0)
    package56330 (1.0.0)
    package56331 (1.0.0)
    package56332 (1.0.0)
    package56333 (1.0.0)
    package56334 (1.0.0)
    package56335 (1.0.0)
    package56336 (1.0.0)
    package56337 (1.0.0)
    package56338 (1.0.0)
    package56339 (1.0.0)
    package56340 (1.0.0)
    package56341 (1.0.0)
    package56342 (1.0.0)
    package56343 (1.0.0)
    package56344 (1.0.0)
    package56345 (1.0.0)
    package56346 (1.0.0)
    package56347 (1.0.0)
    package56348 (1.0.0)
    package56349 (1.0.0)
    package56350 (1.0.0)
    package56351 (1.0.0)
    package56352 (1.0.0)
    package56353 (1.0.0)
    package56354 (1.0.0)
    package56355 (1.0.0)
    package56356 (1.0.0)
    package56357 (1.0.0)
    package56358 (1.0.0)
    package56359 (1.0.0)
    package56360 (1.0.0)
    package56361 (1.0.0)
    package56362 (1.0.0)
    package56363 (1.0.0)
    package56364 (1.0.0)
    package56365 (1.0.0)
    package56366 (1.0.0)
    package56367 (1.0.0)
    package56368 (1.0.0)
    package56369 (1.0.0)
    package56370 (1.0.0)
    package56371 (1.0.0)
    package56372 (1.0.0)
    package56373 (1.0.0)
    package56374 (1.0.0)
    package56375 (1.0.0)
    package56376 (1.0.0)
    package56377 (1.0.0)
    package56378 (1.0.0)
    package56379 (1.0.0)
    package56380 (1.0.0)
    package56381 (1.0.0)
    package56382 (1.0.0)
    package56383 (1.0.0)
    package56384 (1.0.0)
    package56385 (1.0.0)
    package56386 (1.0.0)
    package56387 (1.0.0)
    package56388 (1.0.0)
    package56389 (1.0.0)
    package56390 (1.0.0)
    package56391 (1.0.0)
    package56392 (1.0.0)
    package56393 (1.0.0)
    package56394 (1.0.0)
    package56395 (1.0.0)
    package56396 (1.0.0)
    package56397 (1.0.0)
    package56398 (1.0.0)
    package56399 (1.0.0)
    package56400 (1.0.0)
    package56401 (1.0.0)
    package56402 (1.0.0)
    package56403 (1.0.0)
    package56404 (1.0.0)
    package56405 (1.0.0)
    package56406 (1.0.0)
    package56407 (1.0.0)
    package56408 (1.0.0)
    package56409 (1.0.0)
    package56410 (1.0.0)
    package56411 (1.0.0)
    package56412 (1.0.0)
    package56413 (1.0.0)
    package56414 (1.0.0)
    package56415 (1.0.0)
    package56416 (1.0.0)
    package56417 (1.0.0)
    package56418 (1.0.0)
    package56419 (1.0.0)
    package56420 (1.0.0)
    package56421 (1.0.0)
    package56422 (1.0.0)
    package56423 (1.0.0)
    package56424 (1.0.0)
    package56425 (1.0.0)
    package56426 (1.0.0)
    package56427 (1.0.0)
    package56428 (1.0.0)
    package56429 (1.0.0)
    package56430 (1.0.0)
    package56431 (1.0.0)
    package56432 (1.0.0)
    package56433 (1.0.0)
    package56434 (1.0.0)
    package56435 (1.0.0)
    package56436 (1.0.0)
    package56437 (1.0.0)
    package56438 (1.0.0)
    package56439 (1.0.0)
    package56440 (1.0.0)
    package56441 (1.0.0)
    package56442 (1.0.0)
    package56443 (1.0.0)
    package56444 (1.0.0)
    package56445 (1.0.0)
    package56446 (1.0.0)
    package56447 (1.0.0)
    package56448 (1.0.0)
    package56449 (1.0.0)
    package56450 (1.0.0)
    package56451 (1.0.0)
    package56452 (1.0.0)
    package56453 (1.0.0)
    package56454 (1.0.0)
    package56455 (1.0.0)
    package56456 (1.0.0)
    package56457 (1.0.0)
    package56458 (1.0.0)
    package56459 (1.0.0)
    package56460 (1.0.0)
    package56461 (1.0.0)
    package56462 (1.0.0)
    package56463 (1.0.0)
    package56464 (1.0.0)
    package56465 (1.0.0)
    package56466 (1.0.0)
    package56467 (1.0.0)
    package56468 (1.0.0)
    package56469 (1.0.0)
    package56470 (1.0.0)
    package56471 (1.0.0)
    package56472 (1.0.0)
    package56473 (1.0.0)
    package56474 (1.0.0)
    package56475 (1.0.0)
    package56476 (1.0.0)
    package56477 (1.0.0)
    package56478 (1.0.0)
    package56479 (1.0.0)
    package56480 (1.0.0)
    package56481 (1.0.0)
    package56482 (1.0.0)
    package56483 (1.0.0)
    package56484 (1.0.0)
    package56485 (1.0.0)
    package56486 (1.0.0)
    package56487 (1.0.0)
    package56488 (1.0.0)
    package56489 (1.0.0)
    package56490 (1.0.0)
    package56491 (1.0.0)
    package56492 (1.0.0)
    package56493 (1.0.0)
    package56494 (1.0.0)
    package56495 (1.0.0)
    package56496 (1.0.0)
    package56497 (1.0.0)
    package56498 (1.0.0)
    package56499 (1.0.0)
    package56500 (1.0.0)
    package56501 (1.0.0)
    package56502 (1.0.0)
    package56503 (1.0.0)
    package56504 (1.0.0)
    package56505 (1.0.0)
    package56506 (1.0.0)
    package56507 (1.0.0)
    package56508 (1.0.0)
    package56509 (1.0.0)
    package56510 (1.0.0)
    package56511 (1.0.0)
    package56512 (1.0.0)
    package56513 (1.0.0)
    package56514 (1.0.0)
    package56515 (1.0.0)
    package56516 (1.0.0)
    package56517 (1.0.0)
    package56518 (1.0.0)
    package56519 (1.0.0)
    package56520 (1.0.0)
    package56521 (1.0.0)
    package56522 (1.0.0)
    package56523 (1.0.0)
    package56524 (1.0.0)
    package56525 (1.0.0)
    package56526 (1.0.0)
    package56527 (1.0.0)
    package56528 (1.0.0)
    package56529 (1.0.0)
    package56530 (1.0.0)
    package56531 (1.0.0)
    package56532 (1.0.0)
    package56533 (1.0.0)
    package56534 (1.0.0)
    package56535 (1.0.0)
    package56536 (1.0.0)
    package56537 (1.0.0)
    package56538 (1.0.0)
    package56539 (1.0.0)
    package56540 (1.0.0)
    package56541 (1.0.0)
    package56542 (1.0.0)
    package56543 (1.0.0)
    package56544 (1.0.0)
    package56545 (1.0.0)
    package56546 (1.0.0)
    package56547 (1.0.0)
    package56548 (1.0.0)
    package56549 (1.0.0)
    package56550 (1.0.0)
    package56551 (1.0.0)
    package56552 (1.0.0)
    package56553 (1.0.0)
    package56554 (1.0.0)
    package56555 (1.0.0)
    package56556 (1.0.0)
    package56557 (1.0.0)
    package56558 (1.0.0)
    package56559 (1.0.0)
    package56560 (1.0.0)
    package56561 (1.0.0)
    package56562 (1.0.0)
    package56563 (1.0.0)
    package56564 (1.0.0)
    package56565 (1.0.0)
    package56566 (1.0.0)
    package56567 (1.0.0)
    package56568 (1.0.0)
    package56569 (1.0.0)
    package56570 (1.0.0)
    package56571 (1.0.0)
    package56572 (1.0.0)
    package56573 (1.0.0)
    package56574 (1.0.0)
    package56575 (1.0.0)
    package56576 (1.0.0)
    package56577 (1.0.0)
    package56578 (1.0.0)
    package56579 (1.0.0)
    package56580 (1.0.0)
    package56581 (1.0.0)
    package56582 (1.0.0)
    package56583 (1.0.0)
    package56584 (1.0.0)
    package56585 (1.0.0)
    package56586 (1.0.0)
    package56587 (1.0.0)
    package56588 (1.0.0)
    package56589 (1.0.0)
    package56590 (1.0.0)
    package56591 (1.0.0)
    package56592 (1.0.0)
    package56593 (1.0.0)
    package56594 (1.0.0)
    package56595 (1.0.0)
    package56596 (1.0.0)
    package56597 (1.0.0)
    package56598 (1.0.0)
    package56599 (1.0.0)
    package56600 (1.0.0)
    package56601 (1.0.0)
    package56602 (1.0.0)
    package56603 (1.0.0)
    package56604 (1.0.0)
    package56605 (1.0.0)
    package56606 (1.0.0)
    package56607 (1.0.0)
    package56608 (1.0.0)
    package56609 (1.0.0)
    package56610 (1.0.0)
    package56611 (1.0.0)
    package56612 (1.0.0)
    package56613 (1.0.0)
    package56614 (1.0.0)
    package56615 (1.0.0)
    package56616 (1.0.0)
    package56617 (1.0.0)
    package56618 (1.0.0)
    package56619 (1.0.0)
    package56620 (1.0.0)
    package56621 (1.0.0)
    package56622 (1.0.0)
    package56623 (1.0.0)
    package56624 (1.0.0)
    package56625 (1.0.0)
    package56626 (1.0.0)
    package56627 (1.0.0)
    package56628 (1.0.0)
    package56629 (1.0.0)
    package56630 (1.0.0)
    package56631 (1.0.0)
    package56632 (1.0.0)
    package56633 (1.0.0)
    package56634 (1.0.0)
    package56635 (1.0.0)
    package56636 (1.0.0)
    package56637 (1.0.0)
    package56638 (1.0.0)
    package56639 (1.0.0)
    package56640 (1.0.0)
    package56641 (1.0.0)
    package56642 (1.0.0)
    package56643 (1.0.0)
    package56644 (1.0.0)
    package56645 (1.0.0)
    package56646 (1.0.0)
    package56647 (1.0.0)
    package56648 (1.0.0)
    package56649 (1.0.0)
    package56650 (1.0.0)
    package56651 (1.0.0)
    package56652 (1.0.0)
    package56653 (1.0.0)
    package56654 (1.0.0)
    package56655 (1.0.0)
    package56656 (1.0.0)
    package56657 (1.0.0)
    package56658 (1.0.0)
    package56659 (1.0.0)
    package56660 (1.0.0)
    package56661 (1.0.0)
    package56662 (1.0.0)
    package56663 (1.0.0)
    package56664 (1.0.0)
    package56665 (1.0.0)
    package56666 (1.0.0)
    package56667 (1.0.0)
    package56668 (1.0.0)
    package56669 (1.0.0)
    package56670 (1.0.0)
    package56671 (1.0.0)
    package56672 (1.0.0)
    package56673 (1.0.0)
    package56674 (1.0.0)
    package56675 (1.0.0)
    package56676 (1.0.0)
    package56677 (1.0.0)
    package56678 (1.0.0)
    package56679 (1.0.0)
    package56680 (1.0.0)
    package56681 (1.0.0)
    package56682 (1.0.0)
    package56683 (1.0.0)
    package56684 (1.0.0)
    package56685 (1.0.0)
    package56686 (1.0.0)
    package56687 (1.0.0)
    package56688 (1.0.0)
    package56689 (1.0.0)
    package56690 (1.0.0)
    package56691 (1.0.0)
    package56692 (1.0.0)
    package56693 (1.0.0)
    package56694 (1.0.0)
    package56695 (1.0.0)
    package56696 (1.0.0)
    package56697 (1.0.0)
    package56698 (1.0.0)
    package56699 (1.0.0)
    package56700 (1.0.0)
    package56701 (1.0.0)
    package56702 (1.0.0)
    package56703 (1.0.0)
    package56704 (1.0.0)
    package56705 (1.0.0)
    package56706 (1.0.0)
    package56707 (1.0.0)
    package56708 (1.0.0)
    package56709 (1.0.0)
    package56710 (1.0.0)
    package56711 (1.0.0)
    package56712 (1.0.0)
    package56713 (1.0.0)
    package56714 (1.0.0)
    package56715 (1.0.0)
    package56716 (1.0.0)
    package56717 (1.0.0)
    package56718 (1.0.0)
    package56719 (1.0.0)
    package56720 (1.0.0)
    package56721 (1.0.0)
    package56722 (1.0.0)
    package56723 (1.0.0)
    package56724 (1.0.0)
    package56725 (1.0.0)
    package56726 (1.0.0)
    package56727 (1.0.0)
    package56728 (1.0.0)
    package56729 (1.0.0)
    package56730 (1.0.0)
    package56731 (1.0.0)
    package56732 (1.0.0)
    package56733 (1.0.0)
    package56734 (1.0.0)
    package56735 (1.0.0)
    package56736 (1.0.0)
    package56737 (1.0.0)
    package56738 (1.0.0)
    package56739 (1.0.0)
    package56740 (1.0.0)
    package56741 (1.0.0)
    package56742 (1.0.0)
    package56743 (1.0.0)
    package56744 (1.0.0)
    package56745 (1.0.0)
    package56746 (1.0.0)
    package56747 (1.0.0)
    package56748 (1.0.0)
    package56749 (1.0.0)
    package56750 (1.0.0)
    package56751 (1.0.0)
    package56752 (1.0.0)
    package56753 (1.0.0)
    package56754 (1.0.0)
    package56755 (1.0.0)
    package56756 (1.0.0)
    package56757 (1.0.0)
    package56758 (1.0.0)
    package56759 (1.0.0)
    package56760 (1.0.0)
    package56761 (1.0.0)
    package56762 (1.0.0)
    package56763 (1.0.0)
    package56764 (1.0.0)
    package56765 (1.0.0)
    package56766 (1.0.0)
    package56767 (1.0.0)
    package56768 (1.0.0)
    package56769 (1.0.0)
    package56770 (1.0.0)
    package56771 (1.0.0)
    package56772 (1.0.0)
    package56773 (1.0.0)
    package56774 (1.0.0)
    package56775 (1.0.0)
    package56776 (1.0.0)
    package56777 (1.0.0)
    package56778 (1.0.0)
    package56779 (1.0.0)
    package56780 (1.0.0)
    package56781 (1.0.0)
    package56782 (1.0.0)
    package56783 (1.0.0)
    package56784 (1.0.0)
    package56785 (1.0.0)
    package56786 (1.0.0)
    package56787 (1.0.0)
    package56788 (1.0.0)
    package56789 (1.0.0)
    package56790 (1.0.0)
    package56791 (1.0.0)
    package56792 (1.0.0)
    package56793 (1.0.0)
    package56794 (1.0.0)
    package56795 (1.0.0)
    package56796 (1.0.0)
    package56797 (1.0.0)
    package56798 (1.0.0)
    package56799 (1.0.0)
    package56800 (1.0.0)
    package56801 (1.0.0)
    package56802 (1.0.0)
    package56803 (1.0.0)
    package56804 (1.0.0)
    package56805 (1.0.0)
    package56806 (1.0.0)
    package56807 (1.0.0)
    package56808 (1.0.0)
    package56809 (1.0.0)
    package56810 (1.0.0)
    package56811 (1.0.0)
    package56812 (1.0.0)
    package56813 (1.0.0)
    package56814 (1.0.0)
    package56815 (1.0.0)
    package56816 (1.0.0)
    package56817 (1.0.0)
    package56818 (1.0.0)
    package56819 (1.0.0)
    package56820 (1.0.0)
    package56821 (1.0.0)
    package56822 (1.0.0)
    package56823 (1.0.0)
    package56824 (1.0.0)
    package56825 (1.0.0)
    package56826 (1.0.0)
    package56827 (1.0.0)
    package56828 (1.0.0)
    package56829 (1.0.0)
    package56830 (1.0.0)
    package56831 (1.0.0)
    package56832 (1.0.0)
    package56833 (1.0.0)
    package56834 (1.0.0)
    package56835 (1.0.0)
    package56836 (1.0.0)
    package56837 (1.0.0)
    package56838 (1.0.0)
    package56839 (1.0.0)
    package56840 (1.0.0)
    package56841 (1.0.0)
    package56842 (1.0.0)
    package56843 (1.0.0)
    package56844 (1.0.0)
    package56845 (1.0.0)
    package56846 (1.0.0)
    package56847 (1.0.0)
    package56848 (1.0.0)
    package56849 (1.0.0)
    package56850 (1.0.0)
    package56851 (1.0.0)
    package56852 (1.0.0)
    package56853 (1.0.0)
    package56854 (1.0.0)
    package56855 (1.0.0)
    package56856 (1.0.0)
    package56857 (1.0.0)
    package56858 (1.0.0)
    package56859 (1.0.0)
    package56860 (1.0.0)
    package56861 (1.0.0)
    package56862 (1.0.0)
    package56863 (1.0.0)
    package56864 (1.0.0)
    package56865 (1.0.0)
    package56866 (1.0.0)
    package56867 (1.0.0)
    package56868 (1.0.0)
    package56869 (1.0.0)
    package56870 (1.0.0)
    package56871 (1.0.0)
    package56872 (1.0.0)
    package56873 (1.0.0)
    package56874 (1.0.0)
    package56875 (1.0.0)
    package56876 (1.0.0)
    package56877 (1.0.0)
    package56878 (1.0.0)
    package56879 (1.0.0)
    package56880 (1.0.0)
    package56881 (1.0.0)
    package56882 (1.0.0)
    package56883 (1.0.0)
    package56884 (1.0.0)
    package56885 (1.0.0)
    package56886 (1.0.0)
    package56887 (1.0.0)
    package56888 (1.0.0)
    package56889 (1.0.0)
    package56890 (1.0.0)
    package56891 (1.0.0)
    package56892 (1.0.0)
    package56893 (1.0.0)
    package56894 (1.0.0)
    package56895 (1.0.0)
    package56896 (1.0.0)
    package56897 (1.0.0)
    package56898 (1.0.0)
    package56899 (1.0.0)
    package56900 (1.0.0)
    package56901 (1.0.0)
    package56902 (1.0.0)
    package56903 (1.0.0)
    package56904 (1.0.0)
    package56905 (1.0.0)
    package56906 (1.0.0)
    package56907 (1.0.0)
    package56908 (1.0.0)
    package56909 (1.0.0)
    package56910 (1.0.0)
    package56911 (1.0.0)
    package56912 (1.0.0)
    package56913 (1.0.0)
    package56914 (1.0.0)
    package56915 (1.0.0)
    package56916 (1.0.0)
    package56917 (1.0.0)
    package56918 (1.0.0)
    package56919 (1.0.0)
    package56920 (1.0.0)
    package56921 (1.0.0)
    package56922 (1.0.0)
    package56923 (1.0.0)
    package56924 (1.0.0)
    package56925 (1.0.0)
    package56926 (1.0.0)
    package56927 (1.0.0)
    package56928 (1.0.0)
    package56929 (1.0.0)
    package56930 (1.0.0)
    package56931 (1.0.0)
    package56932 (1.0.0)
    package56933 (1.0.0)
    package56934 (1.0.0)
    package56935 (1.0.0)
    package56936 (1.0.0)
    package56937 (1.0.0)
    package56938 (1.0.0)
    package56939 (1.0.0)
    package56940 (1.0.0)
    package56941 (1.0.0)
    package56942 (1.0.0)
    package56943 (1.0.0)
    package56944 (1.0.0)
    package56945 (1.0.0)
    package56946 (1.0.0)
    package56947 (1.0.0)
    package56948 (1.0.0)
    package56949 (1.0.0)
    package56950 (1.0.0)
    package56951 (1.0.0)
    package56952 (1.0.0)
    package56953 (1.0.0)
    package56954 (1.0.0)
    package56955 (1.0.0)
    package56956 (1.0.0)
    package56957 (1.0.0)
    package56958 (1.0.0)
    package56959 (1.0.0)
    package56960 (1.0.0)
    package56961 (1.0.0)
    package56962 (1.0.0)
    package56963 (1.0.0)
    package56964 (1.0.0)
    package56965 (1.0.0)
    package56966 (1.0.0)
    package56967 (1.0.0)
    package56968 (1.0.0)
    package56969 (1.0.0)
    package56970 (1.0.0)
    package56971 (1.0.0)
    package56972 (1.0.0)
    package56973 (1.0.0)
    package56974 (1.0.0)
    package56975 (1.0.0)
    package56976 (1.0.0)
    package56977 (1.0.0)
    package56978 (1.0.0)
    package56979 (1.0.0)
    package56980 (1.0.0)
    package56981 (1.0.0)
    package56982 (1.0.0)
    package56983 (1.0.0)
    package56984 (1.0.0)
    package56985 (1.0.0)
    package56986 (1.0.0)
    package56987 (1.0.0)
    package56988 (1.0.0)
    package56989 (1.0.0)
    package56990 (1.0.0)
    package56991 (1.0.0)
    package56992 (1.0.0)
    package56993 (1.0.0)
    package56994 (1.0.0)
    package56995 (1.0.0)
    package56996 (1.0.0)
    package56997 (1.0.0)
    package56998 (1.0.0)
    package56999 (1.0.0)
    package57000 (1.0.0)
    package57001 (1.0.0)
    package57002 (1.0.0)
    package57003 (1.0.0)
    package57004 (1.0.0)
    package57005 (1.0.0)
    package57006 (1.0.0)
    package57007 (1.0.0)
    package57008 (1.0.0)
    package57009 (1.0.0)
    package57010 (1.0.0)
    package57011 (1.0.0)
    package57012 (1.0.0)
    package57013 (1.0.0)
    package57014 (1.0.0)
    package57015 (1.0.0)
    package57016 (1.0.0)
    package57017 (1.0.0)
    package57018 (1.0.0)
    package57019 (1.0.0)
    package57020 (1.0.0)
    package57021 (1.0.0)
    package57022 (1.0.0)
    package57023 (1.0.0)
    package57024 (1.0.0)
    package57025 (1.0.0)
    package57026 (1.0.0)
    package57027 (1.0.0)
    package57028 (1.0.0)
    package57029 (1.0.0)
    package57030 (1.0.0)
    package57031 (1.0.0)
    package57032 (1.0.0)
    package57033 (1.0.0)
    package57034 (1.0.0)
    package57035 (1.0.0)
    package57036 (1.0.0)
    package57037 (1.0.0)
    package57038 (1.0.0)
    package57039 (1.0.0)
    package57040 (1.0.0)
    package57041 (1.0.0)
    package57042 (1.0.0)
    package57043 (1.0.0)
    package57044 (1.0.0)
    package57045 (1.0.0)
    package57046 (1.0.0)
    package57047 (1.0.0)
    package57048 (1.0.0)
    package57049 (1.0.0)
    package57050 (1.0.0)
    package57051 (1.0.0)
    package57052 (1.0.0)
    package57053 (1.0.0)
    package57054 (1.0.0)
    package57055 (1.0.0)
    package57056 (1.0.0)
    package57057 (1.0.0)
    package57058 (1.0.0)
    package57059 (1.0.0)
    package57060 (1.0.0)
    package57061 (1.0.0)
    package57062 (1.0.0)
    package57063 (1.0.0)
    package57064 (1.0.0)
    package57065 (1.0.0)
    package57066 (1.0.0)
    package57067 (1.0.0)
    package57068 (1.0.0)
    package57069 (1.0.0)
    package57070 (1.0.0)
    package57071 (1.0.0)
    package57072 (1.0.0)
    package57073 (1.0.0)
    package57074 (1.0.0)
    package57075 (1.0.0)
    package57076 (1.0.0)
    package57077 (1.0.0)
    package57078 (1.0.0)
    package57079 (1.0.0)
    package57080 (1.0.0)
    package57081 (1.0.0)
    package57082 (1.0.0)
    package57083 (1.0.0)
    package57084 (1.0.0)
    package57085 (1.0.0)
    package57086 (1.0.0)
    package57087 (1.0.0)
    package57088 (1.0.0)
    package57089 (1.0.0)
    package57090 (1.0.0)
    package57091 (1.0.0)
    package57092 (1.0.0)
    package57093 (1.0.0)
    package57094 (1.0.0)
    package57095 (1.0.0)
    package57096 (1.0.0)
    package57097 (1.0.0)
    package57098 (1.0.0)
    package57099 (1.0.0)
    package57100 (1.0.0)
    package57101 (1.0.0)
    package57102 (1.0.0)
    package57103 (1.0.0)
    package57104 (1.0.0)
    package57105 (1.0.0)
    package57106 (1.0.0)
    package57107 (1.0.0)
    package57108 (1.0.0)
    package57109 (1.0.0)
    package57110 (1.0.0)
    package57111 (1.0.0)
    package57112 (1.0.0)
    package57113 (1.0.0)
    package57114 (1.0.0)
    package57115 (1.0.0)
    package57116 (1.0.0)
    package57117 (1.0.0)
    package57118 (1.0.0)
    package57119 (1.0.0)
    package57120 (1.0.0)
    package57121 (1.0.0)
    package57122 (1.0.0)
    package57123 (1.0.0)
    package57124 (1.0.0)
    package57125 (1.0.0)
    package57126 (1.0.0)
    package57127 (1.0.0)
    package57128 (1.0.0)
    package57129 (1.0.0)
    package57130 (1.0.0)
    package57131 (1.0.0)
    package57132 (1.0.0)
    package57133 (1.0.0)
    package57134 (1.0.0)
    package57135 (1.0.0)
    package57136 (1.0.0)
    package57137 (1.0.0)
    package57138 (1.0.0)
    package57139 (1.0.0)
    package57140 (1.0.0)
    package57141 (1.0.0)
    package57142 (1.0.0)
    package57143 (1.0.0)
    package57144 (1.0.0)
    package57145 (1.0.0)
    package57146 (1.0.0)
    package57147 (1.0.0)
    package57148 (1.0.0)
    package57149 (1.0.0)
    package57150 (1.0.0)
    package57151 (1.0.0)
    package57152 (1.0.0)
    package57153 (1.0.0)
    package57154 (1.0.0)
    package57155 (1.0.0)
    package57156 (1.0.0)
    package57157 (1.0.0)
    package57158 (1.0.0)
    package57159 (1.0.0)
    package57160 (1.0.0)
    package57161 (1.0.0)
    package57162 (1.0.0)
    package57163 (1.0.0)
    package57164 (1.0.0)
    package57165 (1.0.0)
    package57166 (1.0.0)
    package57167 (1.0.0)
    package57168 (1.0.0)
    package57169 (1.0.0)
    package57170 (1.0.0)
    package57171 (1.0.0)
    package57172 (1.0.0)
    package57173 (1.0.0)
    package57174 (1.0.0)
    package57175 (1.0.0)
    package57176 (1.0.0)
    package57177 (1.0.0)
    package57178 (1.0.0)
    package57179 (1.0.0)
    package57180 (1.0.0)
    package57181 (1.0.0)
    package57182 (1.0.0)
    package57183 (1.0.0)
    package57184 (1.0.0)
    package57185 (1.0.0)
    package57186 (1.0.0)
    package57187 (1.0.0)
    package57188 (1.0.0)
    package57189 (1.0.0)
    package57190 (1.0.0)
    package57191 (1.0.0)
    package57192 (1.0.0)
    package57193 (1.0.0)
    package57194 (1.0.0)
    package57195 (1.0.0)
    package57196 (1.0.0)
    package57197 (1.0.0)
    package57198 (1.0.0)
    package57199 (1.0.0)
    package57200 (1.0.0)
    package57201 (1.0.0)
    package57202 (1.0.0)
    package57203 (1.0.0)
    package57204 (1.0.0)
    package57205 (1.0.0)
    package57206 (1.0.0)
    package57207 (1.0.0)
    package57208 (1.0.0)
    package57209 (1.0.0)
    package57210 (1.0.0)
    package57211 (1.0.0)
    package57212 (1.0.0)
    package57213 (1.0.0)
    package57214 (1.0.0)
    package57215 (1.0.0)
    package57216 (1.0.0)
    package57217 (1.0.0)
    package57218 (1.0.0)
    package57219 (1.0.0)
    package57220 (1.0.0)
    package57221 (1.0.0)
    package57222 (1.0.0)
    package57223 (1.0.0)
    package57224 (1.0.0)
    package57225 (1.0.0)
    package57226 (1.0.0)
    package57227 (1.0.0)
    package57228 (1.0.0)
    package57229 (1.0.0)
    package57230 (1.0.0)
    package57231 (1.0.0)
    package57232 (1.0.0)
    package57233 (1.0.0)
    package57234 (1.0.0)
    package57235 (1.0.0)
    package57236 (1.0.0)
    package57237 (1.0.0)
    package57238 (1.0.0)
    package57239 (1.0.0)
    package57240 (1.0.0)
    package57241 (1.0.0)
    package57242 (1.0.0)
    package57243 (1.0.0)
    package57244 (1.0.0)
    package57245 (1.0.0)
    package57246 (1.0.0)
    package57247 (1.0.0)
    package57248 (1.0.0)
    package57249 (1.0.0)
    package57250 (1.0.0)
    package57251 (1.0.0)
    package57252 (1.0.0)
    package57253 (1.0.0)
    package57254 (1.0.0)
    package57255 (1.0.0)
    package57256 (1.0.0)
    package57257 (1.0.0)
    package57258 (1.0.0)
    package57259 (1.0.0)
    package57260 (1.0.0)
    package57261 (1.0.0)
    package57262 (1.0.0)
    package57263 (1.0.0)
    package57264 (1.0.0)
    package57265 (1.0.0)
    package57266 (1.0.0)
    package57267 (1.0.0)
    package57268 (1.0.0)
    package57269 (1.0.0)
    package57270 (1.0.0)
    package57271 (1.0.0)
    package57272 (1.0.0)
    package57273 (1.0.0)
    package57274 (1.0.0)
    package57275 (1.0.0)
    package57276 (1.0.0)
    package57277 (1.0.0)
    package57278 (1.0.0)
    package57279 (1.0.0)
    package57280 (1.0.0)
    package57281 (1.0.0)
    package57282 (1.0.0)
    package57283 (1.0.0)
    package57284 (1.0.0)
    package57285 (1.0.0)
    package57286 (1.0.0)
    package57287 (1.0.0)
    package57288 (1.0.0)
    package57289 (1.0.0)
    package57290 (1.0.0)
    package57291 (1.0.0)
    package57292 (1.0.0)
    package57293 (1.0.0)
    package57294 (1.0.0)
    package57295 (1.0.0)
    package57296 (1.0.0)
    package57297 (1.0.0)
    package57298 (1.0.0)
    package57299 (1.0.0)
    package57300 (1.0.0)
    package57301 (1.0.0)
    package57302 (1.0.0)
    package57303 (1.0.0)
    package57304 (1.0.0)
    package57305 (1.0.0)
    package57306 (1.0.0)
    package57307 (1.0.0)
    package57308 (1.0.0)
    package57309 (1.0.0)
    package57310 (1.0.0)
    package57311 (1.0.0)
    package57312 (1.0.0)
    package57313 (1.0.0)
    package57314 (1.0.0)
    package57315 (1.0.0)
    package57316 (1.0.0)
    package57317 (1.0.0)
    package57318 (1.0.0)
    package57319 (1.0.0)
    package57320 (1.0.0)
    package57321 (1.0.0)
    package57322 (1.0.0)
    package57323 (1.0.0)
    package57324 (1.0.0)
    package57325 (1.0.0)
    package57326 (1.0.0)
    package57327 (1.0.0)
    package57328 (1.0.0)
    package57329 (1.0.0)
    package57330 (1.0.0)
    package57331 (1.0.0)
    package57332 (1.0.0)
    package57333 (1.0.0)
    package57334 (1.0.0)
    package57335 (1.0.0)
    package57336 (1.0.0)
    package57337 (1.0.0)
    package57338 (1.0.0)
    package57339 (1.0.0)
    package57340 (1.0.0)
    package57341 (1.0.0)
    package57342 (1.0.0)
    package57343 (1.0.0)
    package57344 (1.0.0)
    package57345 (1.0.0)
    package57346 (1.0.0)
    package57347 (1.0.0)
    package57348 (1.0.0)
    package57349 (1.0.0)
    package57350 (1.0.0)
    package57351 (1.0.0)
    package57352 (1.0.0)
    package57353 (1.0.0)
    package57354 (1.0.0)
    package57355 (1.0.0)
    package57356 (1.0.0)
    package57357 (1.0.0)
    package57358 (1.0.0)
    package57359 (1.0.0)
    package57360 (1.0.0)
    package57361 (1.0.0)
    package57362 (1.0.0)
    package57363 (1.0.0)
    package57364 (1.0.0)
    package57365 (1.0.0)
    package57366 (1.0.0)
    package57367 (1.0.0)
    package57368 (1.0.0)
    package57369 (1.0.0)
    package57370 (1.0.0)
    package57371 (1.0.0)
    package57372 (1.0.0)
    package57373 (1.0.0)
    package57374 (1.0.0)
    package57375 (1.0.0)
    package57376 (1.0.0)
    package57377 (1.0.0)
    package57378 (1.0.0)
    package57379 (1.0.0)
    package57380 (1.0.0)
    package57381 (1.0.0)
    package57382 (1.0.0)
    package57383 (1.0.0)
    package57384 (1.0.0)
    package57385 (1.0.0)
    package57386 (1.0.0)
    package57387 (1.0.0)
    package57388 (1.0.0)
    package57389 (1.0.0)
    package57390 (1.0.0)
    package57391 (1.0.0)
    package57392 (1.0.0)
    package57393 (1.0.0)
    package57394 (1.0.0)
    package57395 (1.0.0)
    package57396 (1.0.0)
    package57397 (1.0.0)
    package57398 (1.0.0)
    package57399 (1.0.0)
    package57400 (1.0.0)
    package57401 (1.0.0)
    package57402 (1.0.0)
    package57403 (1.0.0)
    package57404 (1.0.0)
    package57405 (1.0.0)
    package57406 (1.0.0)
    package57407 (1.0.0)
    package57408 (1.0.0)
    package57409 (1.0.0)
    package57410 (1.0.0)
    package57411 (1.0.0)
    package57412 (1.0.0)
    package57413 (1.0.0)
    package57414 (1.0.0)
    package57415 (1.0.0)
    package57416 (1.0.0)
    package57417 (1.0.0)
    package57418 (1.0.0)
    package57419 (1.0.0)
    package57420 (1.0.0)
    package57421 (1.0.0)
    package57422 (1.0.0)
    package57423 (1.0.0)
    package57424 (1.0.0)
    package57425 (1.0.0)
    package57426 (1.0.0)
    package57427 (1.0.0)
    package57428 (1.0.0)
    package57429 (1.0.0)
    package57430 (1.0.0)
    package57431 (1.0.0)
    package57432 (1.0.0)
    package57433 (1.0.0)
    package57434 (1.0.0)
    package57435 (1.0.0)
    package57436 (1.0.0)
    package57437 (1.0.0)
    package57438 (1.0.0)
    package57439 (1.0.0)
    package57440 (1.0.0)
    package57441 (1.0.0)
    package57442 (1.0.0)
    package57443 (1.0.0)
    package57444 (1.0.0)
    package57445 (1.0.0)
    package57446 (1.0.0)
    package57447 (1.0.0)
    package57448 (1.0.0)
    package57449 (1.0.0)
    package57450 (1.0.0)
    package57451 (1.0.0)
    package57452 (1.0.0)
    package57453 (1.0.0)
    package57454 (1.0.0)
    package57455 (1.0.0)
    package57456 (1.0.0)
    package57457 (1.0.0)
    package57458 (1.0.0)
    package57459 (1.0.0)
    package57460 (1.0.0)
    package57461 (1.0.0)
    package57462 (1.0.0)
    package57463 (1.0.0)
    package57464 (1.0.0)
    package57465 (1.0.0)
    package57466 (1.0.0)
    package57467 (1.0.0)
    package57468 (1.0.0)
    package57469 (1.0.0)
    package57470 (1.0.0)
    package57471 (1.0.0)
    package57472 (1.0.0)
    package57473 (1.0.0)
    package57474 (1.0.0)
    package57475 (1.0.0)
    package57476 (1.0.0)
    package57477 (1.0.0)
    package57478 (1.0.0)
    package57479 (1.0.0)
    package57480 (1.0.0)
    package57481 (1.0.0)
    package57482 (1.0.0)
    package57483 (1.0.0)
    package57484 (1.0.0)
    package57485 (1.0.0)
    package57486 (1.0.0)
    package57487 (1.0.0)
    package57488 (1.0.0)
    package57489 (1.0.0)
    package57490 (1.0.0)
    package57491 (1.0.0)
    package57492 (1.0.0)
    package57493 (1.0.0)
    package57494 (1.0.0)
    package57495 (1.0.0)
    package57496 (1.0.0)
    package57497 (1.0.0)
    package57498 (1.0.0)
    package57499 (1.0.0)
    package57500 (1.0.0)
    package57501 (1.0.0)
    package57502 (1.0.0)
    package57503 (1.0.0)
    package57504 (1.0.0)
    package57505 (1.0.0)
    package57506 (1.0.0)
    package57507 (1.0.0)
    package57508 (1.0.0)
    package57509 (1.0.0)
    package57510 (1.0.0)
    package57511 (1.0.0)
    package57512 (1.0.0)
    package57513 (1.0.0)
    package57514 (1.0.0)
    package57515 (1.0.0)
    package57516 (1.0.0)
    package57517 (1.0.0)
    package57518 (1.0.0)
    package57519 (1.0.0)
    package57520 (1.0.0)
    package57521 (1.0.0)
    package57522 (1.0.0)
    package57523 (1.0.0)
    package57524 (1.0.0)
    package57525 (1.0.0)
    package57526 (1.0.0)
    package57527 (1.0.0)
    package57528 (1.0.0)
    package57529 (1.0.0)
    package57530 (1.0.0)
    package57531 (1.0.0)
    package57532 (1.0.0)
    package57533 (1.0.0)
    package57534 (1.0.0)
    package57535 (1.0.0)
    package57536 (1.0.0)
    package57537 (1.0.0)
    package57538 (1.0.0)
    package57539 (1.0.0)
    package57540 (1.0.0)
    package57541 (1.0.0)
    package57542 (1.0.0)
    package57543 (1.0.0)
    package57544 (1.0.0)
    package57545 (1.0.0)
    package57546 (1.0.0)
    package57547 (1.0.0)
    package57548 (1.0.0)
    package57549 (1.0.0)
    package57550 (1.0.0)
    package57551 (1.0.0)
    package57552 (1.0.0)
    package57553 (1.0.0)
    package57554 (1.0.0)
    package57555 (1.0.0)
    package57556 (1.0.0)
    package57557 (1.0.0)
    package57558 (1.0.0)
    package57559 (1.0.0)
    package57560 (1.0.0)
    package57561 (1.0.0)
    package57562 (1.0.0)
    package57563 (1.0.0)
    package57564 (1.0.0)
    package57565 (1.0.0)
    package57566 (1.0.0)
    package57567 (1.0.0)
    package57568 (1.0.0)
    package57569 (1.0.0)
    package57570 (1.0.0)
    package57571 (1.0.0)
    package57572 (1.0.0)
    package57573 (1.0.0)
    package57574 (1.0.0)
    package57575 (1.0.0)
    package57576 (1.0.0)
    package57577 (1.0.0)
    package57578 (1.0.0)
    package57579 (1.0.0)
    package57580 (1.0.0)
    package57581 (1.0.0)
    package57582 (1.0.0)
    package57583 (1.0.0)
    package57584 (1.0.0)
    package57585 (1.0.0)
    package57586 (1.0.0)
    package57587 (1.0.0)
    package57588 (1.0.0)
    package57589 (1.0.0)
    package57590 (1.0.0)
    package57591 (1.0.0)
    package57592 (1.0.0)
    package57593 (1.0.0)
    package57594 (1.0.0)
    package57595 (1.0.0)
    package57596 (1.0.0)
    package57597 (1.0.0)
    package57598 (1.0.0)
    package57599 (1.0.0)
    package57600 (1.0.0)
    package57601 (1.0.0)
    package57602 (1.0.0)
    package57603 (1.0.0)
    package57604 (1.0.0)
    package57605 (1.0.0)
    package57606 (1.0.0)
    package57607 (1.0.0)
    package57608 (1.0.0)
    package57609 (1.0.0)
    package57610 (1.0.0)
    package57611 (1.0.0)
    package57612 (1.0.0)
    package57613 (1.0.0)
    package57614 (1.0.0)
    package57615 (1.0.0)
    package57616 (1.0.0)
    package57617 (1.0.0)
    package57618 (1.0.0)
    package57619 (1.0.0)
    package57620 (1.0.0)
    package57621 (1.0.0)
    package57622 (1.0.0)
    package57623 (1.0.0)
    package57624 (1.0.0)
    package57625 (1.0.0)
    package57626 (1.0.0)
    package57627 (1.0.0)
    package57628 (1.0.0)
    package57629 (1.0.0)
    package57630 (1.0.0)
    package57631 (1.0.0)
    package57632 (1.0.0)
    package57633 (1.0.0)
    package57634 (1.0.0)
    package57635 (1.0.0)
    package57636 (1.0.0)
    package57637 (1.0.0)
    package57638 (1.0.0)
    package57639 (1.0.0)
    package57640 (1.0.0)
    package57641 (1.0.0)
    package57642 (1.0.0)
    package57643 (1.0.0)
    package57644 (1.0.0)
    package57645 (1.0.0)
    package57646 (1.0.0)
    package57647 (1.0.0)
    package57648 (1.0.0)
    package57649 (1.0.0)
    package57650 (1.0.0)
    package57651 (1.0.0)
    package57652 (1.0.0)
    package57653 (1.0.0)
    package57654 (1.0.0)
    package57655 (1.0.0)
    package57656 (1.0.0)
    package57657 (1.0.0)
    package57658 (1.0.0)
    package57659 (1.0.0)
    package57660 (1.0.0)
    package57661 (1.0.0)
    package57662 (1.0.0)
    package57663 (1.0.0)
    package57664 (1.0.0)
    package57665 (1.0.0)
    package57666 (1.0.0)
    package57667 (1.0.0)
    package57668 (1.0.0)
    package57669 (1.0.0)
    package57670 (1.0.0)
    package57671 (1.0.0)
    package57672 (1.0.0)
    package57673 (1.0.0)
    package57674 (1.0.0)
    package57675 (1.0.0)
    package57676 (1.0.0)
    package57677 (1.0.0)
    package57678 (1.0.0)
    package57679 (1.0.0)
    package57680 (1.0.0)
    package57681 (1.0.0)
    package57682 (1.0.0)
    package57683 (1.0.0)
    package57684 (1.0.0)
    package57685 (1.0.0)
    package57686 (1.0.0)
    package57687 (1.0.0)
    package57688 (1.0.0)
    package57689 (1.0.0)
    package57690 (1.0.0)
    package57691 (1.0.0)
    package57692 (1.0.0)
    package57693 (1.0.0)
    package57694 (1.0.0)
    package57695 (1.0.0)
    package57696 (1.0.0)
    package57697 (1.0.0)
    package57698 (1.0.0)
    package57699 (1.0.0)
    package57700 (1.0.0)
    package57701 (1.0.0)
    package57702 (1.0.0)
    package57703 (1.0.0)
    package57704 (1.0.0)
    package57705 (1.0.0)
    package57706 (1.0.0)
    package57707 (1.0.0)
    package57708 (1.0.0)
    package57709 (1.0.0)
    package57710 (1.0.0)
    package57711 (1.0.0)
    package57712 (1.0.0)
    package57713 (1.0.0)
    package57714 (1.0.0)
    package57715 (1.0.0)
    package57716 (1.0.0)
    package57717 (1.0.0)
    package57718 (1.0.0)
    package57719 (1.0.0)
    package57720 (1.0.0)
    package57721 (1.0.0)
    package57722 (1.0.0)
    package57723 (1.0.0)
    package57724 (1.0.0)
    package57725 (1.0.0)
    package57726 (1.0.0)
    package57727 (1.0.0)
    package57728 (1.0.0)
    package57729 (1.0.0)
    package57730 (1.0.0)
    package57731 (1.0.0)
    package57732 (1.0.0)
    package57733 (1.0.0)
    package57734 (1.0.0)
    package57735 (1.0.0)
    package57736 (1.0.0)
    package57737 (1.0.0)
    package57738 (1.0.0)
    package57739 (1.0.0)
    package57740 (1.0.0)
    package57741 (1.0.0)
    package57742 (1.0.0)
    package57743 (1.0.0)
    package57744 (1.0.0)
    package57745 (1.0.0)
    package57746 (1.0.0)
    package57747 (1.0.0)
    package57748 (1.0.0)
    package57749 (1.0.0)
    package57750 (1.0.0)
    package57751 (1.0.0)
    package57752 (1.0.0)
    package57753 (1.0.0)
    package57754 (1.0.0)
    package57755 (1.0.0)
    package57756 (1.0.0)
    package57757 (1.0.0)
    package57758 (1.0.0)
    package57759 (1.0.0)
    package57760 (1.0.0)
    package57761 (1.0.0)
    package57762 (1.0.0)
    package57763 (1.0.0)
    package57764 (1.0.0)
    package57765 (1.0.0)
    package57766 (1.0.0)
    package57767 (1.0.0)
    package57768 (1.0.0)
    package57769 (1.0.0)
    package57770 (1.0.0)
    package57771 (1.0.0)
    package57772 (1.0.0)
    package57773 (1.0.0)
    package57774 (1.0.0)
    package57775 (1.0.0)
    package57776 (1.0.0)
    package57777 (1.0.0)
    package57778 (1.0.0)
    package57779 (1.0.0)
    package57780 (1.0.0)
    package57781 (1.0.0)
    package57782 (1.0.0)
    package57783 (1.0.0)
    package57784 (1.0.0)
    package57785 (1.0.0)
    package57786 (1.0.0)
    package57787 (1.0.0)
    package57788 (1.0.0)
    package57789 (1.0.0)
    package57790 (1.0.0)
    package57791 (1.0.0)
    package57792 (1.0.0)
    package57793 (1.0.0)
    package57794 (1.0.0)
    package57795 (1.0.0)
    package57796 (1.0.0)
    package57797 (1.0.0)
    package57798 (1.0.0)
    package57799 (1.0.0)
    package57800 (1.0.0)
    package57801 (1.0.0)
    package57802 (1.0.0)
    package57803 (1.0.0)
    package57804 (1.0.0)
    package57805 (1.0.0)
    package57806 (1.0.0)
    package57807 (1.0.0)
    package57808 (1.0.0)
    package57809 (1.0.0)
    package57810 (1.0.0)
    package57811 (1.0.0)
    package57812 (1.0.0)
    package57813 (1.0.0)
    package57814 (1.0.0)
    package57815 (1.0.0)
    package57816 (1.0.0)
    package57817 (1.0.0)
    package57818 (1.0.0)
    package57819 (1.0.0)
    package57820 (1.0.0)
    package57821 (1.0.0)
    package57822 (1.0.0)
    package57823 (1.0.0)
    package57824 (1.0.0)
    package57825 (1.0.0)
    package57826 (1.0.0)
    package57827 (1.0.0)
    package57828 (1.0.0)
    package57829 (1.0.0)
    package57830 (1.0.0)
    package57831 (1.0.0)
    package57832 (1.0.0)
    package57833 (1.0.0)
    package57834 (1.0.0)
    package57835 (1.0.0)
    package57836 (1.0.0)
    package57837 (1.0.0)
    package57838 (1.0.0)
    package57839 (1.0.0)
    package57840 (1.0.0)
    package57841 (1.0.0)
    package57842 (1.0.0)
    package57843 (1.0.0)
    package57844 (1.0.0)
    package57845 (1.0.0)
    package57846 (1.0.0)
    package57847 (1.0.0)
    package57848 (1.0.0)
    package57849 (1.0.0)
    package57850 (1.0.0)
    package57851 (1.0.0)
    package57852 (1.0.0)
    package57853 (1.0.0)
    package57854 (1.0.0)
    package57855 (1.0.0)
    package57856 (1.0.0)
    package57857 (1.0.0)
    package57858 (1.0.0)
    package57859 (1.0.0)
    package57860 (1.0.0)
    package57861 (1.0.0)
    package57862 (1.0.0)
    package57863 (1.0.0)
    package57864 (1.0.0)
    package57865 (1.0.0)
    package57866 (1.0.0)
    package57867 (1.0.0)
    package57868 (1.0.0)
    package57869 (1.0.0)
    package57870 (1.0.0)
    package57871 (1.0.0)
    package57872 (1.0.0)
    package57873 (1.0.0)
    package57874 (1.0.0)
    package57875 (1.0.0)
    package57876 (1.0.0)
    package57877 (1.0.0)
    package57878 (1.0.0)
    package57879 (1.0.0)
    package57880 (1.0.0)
    package57881 (1.0.0)
    package57882 (1.0.0)
    package57883 (1.0.0)
    package57884 (1.0.0)
    package57885 (1.0.0)
    package57886 (1.0.0)
    package57887 (1.0.0)
    package57888 (1.0.0)
    package57889 (1.0.0)
    package57890 (1.0.0)
    package57891 (1.0.0)
    package57892 (1.0.0)
    package57893 (1.0.0)
    package57894 (1.0.0)
    package57895 (1.0.0)
    package57896 (1.0.0)
    package57897 (1.0.0)
    package57898 (1.0.0)
    package57899 (1.0.0)
    package57900 (1.0.0)
    package57901 (1.0.0)
    package57902 (1.0.0)
    package57903 (1.0.0)
    package57904 (1.0.0)
    package57905 (1.0.0)
    package57906 (1.0.0)
    package57907 (1.0.0)
    package57908 (1.0.0)
    package57909 (1.0.0)
    package57910 (1.0.0)
    package57911 (1.0.0)
    package57912 (1.0.0)
    package57913 (1.0.0)
    package57914 (1.0.0)
    package57915 (1.0.0)
    package57916 (1.0.0)
    package57917 (1.0.0)
    package57918 (1.0.0)
    package57919 (1.0.0)
    package57920 (1.0.0)
    package57921 (1.0.0)
    package57922 (1.0.0)
    package57923 (1.0.0)
    package57924 (1.0.0)
    package57925 (1.0.0)
    package57926 (1.0.0)
    package57927 (1.0.0)
    package57928 (1.0.0)
    package57929 (1.0.0)
    package57930 (1.0.0)
    package57931 (1.0.0)
    package57932 (1.0.0)
    package57933 (1.0.0)
    package57934 (1.0.0)
    package57935 (1.0.0)
    package57936 (1.0.0)
    package57937 (1.0.0)
    package57938 (1.0.0)
    package57939 (1.0.0)
    package57940 (1.0.0)
    package57941 (1.0.0)
    package57942 (1.0.0)
    package57943 (1.0.0)
    package57944 (1.0.0)
    package57945 (1.0.0)
    package57946 (1.0.0)
    package57947 (1.0.0)
    package57948 (1.0.0)
    package57949 (1.0.0)
    package57950 (1.0.0)
    package57951 (1.0.0)
    package57952 (1.0.0)
    package57953 (1.0.0)
    package57954 (1.0.0)
    package57955 (1.0.0)
    package57956 (1.0.0)
    package57957 (1.0.0)
    package57958 (1.0.0)
    package57959 (1.0.0)
    package57960 (1.0.0)
    package57961 (1.0.0)
    package57962 (1.0.0)
    package57963 (1.0.0)
    package57964 (1.0.0)
    package57965 (1.0.0)
    package57966 (1.0.0)
    package57967 (1.0.0)
    package57968 (1.0.0)
    package57969 (1.0.0)
    package57970 (1.0.0)
    package57971 (1.0.0)
    package57972 (1.0.0)
    package57973 (1.0.0)
    package57974 (1.0.0)
    package57975 (1.0.0)
    package57976 (1.0.0)
    package57977 (1.0.0)
    package57978 (1.0.0)
    package57979 (1.0.0)
    package57980 (1.0.0)
    package57981 (1.0.0)
    package57982 (1.0.0)
    package57983 (1.0.0)
    package57984 (1.0.0)
    package57985 (1.0.0)
    package57986 (1.0.0)
    package57987 (1.0.0)
    package57988 (1.0.0)
    package57989 (1.0.0)
    package57990 (1.0.0)
    package57991 (1.0.0)
    package57992 (1.0.0)
    package57993 (1.0.0)
    package57994 (1.0.0)
    package57995 (1.0.0)
    package57996 (1.0.0)
    package57997 (1.0.0)
    package57998 (1.0.0)
    package57999 (1.0.0)
    package58000 (1.0.0)
    package58001 (1.0.0)
    package58002 (1.0.0)
    package58003 (1.0.0)
    package58004 (1.0.0)
    package58005 (1.0.0)
    package58006 (1.0.0)
    package58007 (1.0.0)
    package58008 (1.0.0)
    package58009 (1.0.0)
    package58010 (1.0.0)
    package58011 (1.0.0)
    package58012 (1.0.0)
    package58013 (1.0.0)
    package58014 (1.0.0)
    package58015 (1.0.0)
    package58016 (1.0.0)
    package58017 (1.0.0)
    package58018 (1.0.0)
    package58019 (1.0.0)
    package58020 (1.0.0)
    package58021 (1.0.0)
    package58022 (1.0.0)
    package58023 (1.0.0)
    package58024 (1.0.0)
    package58025 (1.0.0)
    package58026 (1.0.0)
    package58027 (1.0.0)
    package58028 (1.0.0)
    package58029 (1.0.0)
    package58030 (1.0.0)
    package58031 (1.0.0)
    package58032 (1.0.0)
    package58033 (1.0.0)
    package58034 (1.0.0)
    package58035 (1.0.0)
    package58036 (1.0.0)
    package58037 (1.0.0)
    package58038 (1.0.0)
    package58039 (1.0.0)
    package58040 (1.0.0)
    package58041 (1.0.0)
    package58042 (1.0.0)
    package58043 (1.0.0)
    package58044 (1.0.0)
    package58045 (1.0.0)
    package58046 (1.0.0)
    package58047 (1.0.0)
    package58048 (1.0.0)
    package58049 (1.0.0)
    package58050 (1.0.0)
    package58051 (1.0.0)
    package58052 (1.0.0)
    package58053 (1.0.0)
    package58054 (1.0.0)
    package58055 (1.0.0)
    package58056 (1.0.0)
    package58057 (1.0.0)
    package58058 (1.0.0)
    package58059 (1.0.0)
    package58060 (1.0.0)
    package58061 (1.0.0)
    package58062 (1.0.0)
    package58063 (1.0.0)
    package58064 (1.0.0)
    package58065 (1.0.0)
    package58066 (1.0.0)
    package58067 (1.0.0)
    package58068 (1.0.0)
    package58069 (1.0.0)
    package58070 (1.0.0)
    package58071 (1.0.0)
    package58072 (1.0.0)
    package58073 (1.0.0)
    package58074 (1.0.0)
    package58075 (1.0.0)
    package58076 (1.0.0)
    package58077 (1.0.0)
    package58078 (1.0.0)
    package58079 (1.0.0)
    package58080 (1.0.0)
    package58081 (1.0.0)
    package58082 (1.0.0)
    package58083 (1.0.0)
    package58084 (1.0.0)
    package58085 (1.0.0)
    package58086 (1.0.0)
    package58087 (1.0.0)
    package58088 (1.0.0)
    package58089 (1.0.0)
    package58090 (1.0.0)
    package58091 (1.0.0)
    package58092 (1.0.0)
    package58093 (1.0.0)
    package58094 (1.0.0)
    package58095 (1.0.0)
    package58096 (1.0.0)
    package58097 (1.0.0)
    package58098 (1.0.0)
    package58099 (1.0.0)
    package58100 (1.0.0)
    package58101 (1.0.0)
    package58102 (1.0.0)
    package58103 (1.0.0)
    package58104 (1.0.0)
    package58105 (1.0.0)
    package58106 (1.0.0)
    package58107 (1.0.0)
    package58108 (1.0.0)
    package58109 (1.0.0)
    package58110 (1.0.0)
    package58111 (1.0.0)
    package58112 (1.0.0)
    package58113 (1.0.0)
    package58114 (1.0.0)
    package58115 (1.0.0)
    package58116 (1.0.0)
    package58117 (1.0.0)
    package58118 (1.0.0)
    package58119 (1.0.0)
    package58120 (1.0.0)
    package58121 (1.0.0)
    package58122 (1.0.0)
    package58123 (1.0.0)
    package58124 (1.0.0)
    package58125 (1.0.0)
    package58126 (1.0.0)
    package58127 (1.0.0)
    package58128 (1.0.0)
    package58129 (1.0.0)
    package58130 (1.0.0)
    package58131 (1.0.0)
    package58132 (1.0.0)
    package58133 (1.0.0)
    package58134 (1.0.0)
    package58135 (1.0.0)
    package58136 (1.0.0)
    package58137 (1.0.0)
    package58138 (1.0.0)
    package58139 (1.0.0)
    package58140 (1.0.0)
    package58141 (1.0.0)
    package58142 (1.0.0)
    package58143 (1.0.0)
    package58144 (1.0.0)
    package58145 (1.0.0)
    package58146 (1.0.0)
    package58147 (1.0.0)
    package58148 (1.0.0)
    package58149 (1.0.0)
    package58150 (1.0.0)
    package58151 (1.0.0)
    package58152 (1.0.0)
    package58153 (1.0.0)
    package58154 (1.0.0)
    package58155 (1.0.0)
    package58156 (1.0.0)
    package58157 (1.0.0)
    package58158 (1.0.0)
    package58159 (1.0.0)
    package58160 (1.0.0)
    package58161 (1.0.0)
    package58162 (1.0.0)
    package58163 (1.0.0)
    package58164 (1.0.0)
    package58165 (1.0.0)
    package58166 (1.0.0)
    package58167 (1.0.0)
    package58168 (1.0.0)
    package58169 (1.0.0)
    package58170 (1.0.0)
    package58171 (1.0.0)
    package58172 (1.0.0)
    package58173 (1.0.0)
    package58174 (1.0.0)
    package58175 (1.0.0)
    package58176 (1.0.0)
    package58177 (1.0.0)
    package58178 (1.0.0)
    package58179 (1.0.0)
    package58180 (1.0.0)
    package58181 (1.0.0)
    package58182 (1.0.0)
    package58183 (1.0.0)
    package58184 (1.0.0)
    package58185 (1.0.0)
    package58186 (1.0.0)
    package58187 (1.0.0)
    package58188 (1.0.0)
    package58189 (1.0.0)
    package58190 (1.0.0)
    package58191 (1.0.0)
    package58192 (1.0.0)
    package58193 (1.0.0)
    package58194 (1.0.0)
    package58195 (1.0.0)
    package58196 (1.0.0)
    package58197 (1.0.0)
    package58198 (1.0.0)
    package58199 (1.0.0)
    package58200 (1.0.0)
    package58201 (1.0.0)
    package58202 (1.0.0)
    package58203 (1.0.0)
    package58204 (1.0.0)
    package58205 (1.0.0)
    package58206 (1.0.0)
    package58207 (1.0.0)
    package58208 (1.0.0)
    package58209 (1.0.0)
    package58210 (1.0.0)
    package58211 (1.0.0)
    package58212 (1.0.0)
    package58213 (1.0.0)
    package58214 (1.0.0)
    package58215 (1.0.0)
    package58216 (1.0.0)
    package58217 (1.0.0)
    package58218 (1.0.0)
    package58219 (1.0.0)
    package58220 (1.0.0)
    package58221 (1.0.0)
    package58222 (1.0.0)
    package58223 (1.0.0)
    package58224 (1.0.0)
    package58225 (1.0.0)
    package58226 (1.0.0)
    package58227 (1.0.0)
    package58228 (1.0.0)
    package58229 (1.0.0)
    package58230 (1.0.0)
    package58231 (1.0.0)
    package58232 (1.0.0)
    package58233 (1.0.0)
    package58234 (1.0.0)
    package58235 (1.0.0)
    package58236 (1.0.0)
    package58237 (1.0.0)
    package58238 (1.0.0)
    package58239 (1.0.0)
    package58240 (1.0.0)
    package58241 (1.0.0)
    package58242 (1.0.0)
    package58243 (1.0.0)
    package58244 (1.0.0)
    package58245 (1.0.0)
    package58246 (1.0.0)
    package58247 (1.0.0)
    package58248 (1.0.0)
    package58249 (1.0.0)
    package58250 (1.0.0)
    package58251 (1.0.0)
    package58252 (1.0.0)
    package58253 (1.0.0)
    package58254 (1.0.0)
    package58255 (1.0.0)
    package58256 (1.0.0)
    package58257 (1.0.0)
    package58258 (1.0.0)
    package58259 (1.0.0)
    package58260 (1.0.0)
    package58261 (1.0.0)
    package58262 (1.0.0)
    package58263 (1.0.0)
    package58264 (1.0.0)
    package58265 (1.0.0)
    package58266 (1.0.0)
    package58267 (1.0.0)
    package58268 (1.0.0)
    package58269 (1.0.0)
    package58270 (1.0.0)
    package58271 (1.0.0)
    package58272 (1.0.0)
    package58273 (1.0.0)
    package58274 (1.0.0)
    package58275 (1.0.0)
    package58276 (1.0.0)
    package58277 (1.0.0)
    package58278 (1.0.0)
    package58279 (1.0.0)
    package58280 (1.0.0)
    package58281 (1.0.0)
    package58282 (1.0.0)
    package58283 (1.0.0)
    package58284 (1.0.0)
    package58285 (1.0.0)
    package58286 (1.0.0)
    package58287 (1.0.0)
    package58288 (1.0.0)
    package58289 (1.0.0)
    package58290 (1.0.0)
    package58291 (1.0.0)
    package58292 (1.0.0)
    package58293 (1.0.0)
    package58294 (1.0.0)
    package58295 (1.0.0)
    package58296 (1.0.0)
    package58297 (1.0.0)
    package58298 (1.0.0)
    package58299 (1.0.0)
    package58300 (1.0.0)
    package58301 (1.0.0)
    package58302 (1.0.0)
    package58303 (1.0.0)
    package58304 (1.0.0)
    package58305 (1.0.0)
    package58306 (1.0.0)
    package58307 (1.0.0)
    package58308 (1.0.0)
    package58309 (1.0.0)
    package58310 (1.0.0)
    package58311 (1.0.0)
    package58312 (1.0.0)
    package58313 (1.0.0)
    package58314 (1.0.0)
    package58315 (1.0.0)
    package58316 (1.0.0)
    package58317 (1.0.0)
    package58318 (1.0.0)
    package58319 (1.0.0)
    package58320 (1.0.0)
    package58321 (1.0.0)
    package58322 (1.0.0)
    package58323 (1.0.0)
    package58324 (1.0.0)
    package58325 (1.0.0)
    package58326 (1.0.0)
    package58327 (1.0.0)
    package58328 (1.0.0)
    package58329 (1.0.0)
    package58330 (1.0.0)
    package58331 (1.0.0)
    package58332 (1.0.0)
    package58333 (1.0.0)
    package58334 (1.0.0)
    package58335 (1.0.0)
    package58336 (1.0.0)
    package58337 (1.0.0)
    package58338 (1.0.0)
    package58339 (1.0.0)
    package58340 (1.0.0)
    package58341 (1.0.0)
    package58342 (1.0.0)
    package58343 (1.0.0)
    package58344 (1.0.0)
    package58345 (1.0.0)
    package58346 (1.0.0)
    package58347 (1.0.0)
    package58348 (1.0.0)
    package58349 (1.0.0)
    package58350 (1.0.0)
    package58351 (1.0.0)
    package58352 (1.0.0)
    package58353 (1.0.0)
    package58354 (1.0.0)
    package58355 (1.0.0)
    package58356 (1.0.0)
    package58357 (1.0.0)
    package58358 (1.0.0)
    package58359 (1.0.0)
    package58360 (1.0.0)
    package58361 (1.0.0)
    package58362 (1.0.0)
    package58363 (1.0.0)
    package58364 (1.0.0)
    package58365 (1.0.0)
    package58366 (1.0.0)
    package58367 (1.0.0)
    package58368 (1.0.0)
    package58369 (1.0.0)
    package58370 (1.0.0)
    package58371 (1.0.0)
    package58372 (1.0.0)
    package58373 (1.0.0)
    package58374 (1.0.0)
    package58375 (1.0.0)
    package58376 (1.0.0)
    package58377 (1.0.0)
    package58378 (1.0.0)
    package58379 (1.0.0)
    package58380 (1.0.0)
    package58381 (1.0.0)
    package58382 (1.0.0)
    package58383 (1.0.0)
    package58384 (1.0.0)
    package58385 (1.0.0)
    package58386 (1.0.0)
    package58387 (1.0.0)
    package58388 (1.0.0)
    package58389 (1.0.0)
    package58390 (1.0.0)
    package58391 (1.0.0)
    package58392 (1.0.0)
    package58393 (1.0.0)
    package58394 (1.0.0)
    package58395 (1.0.0)
    package58396 (1.0.0)
    package58397 (1.0.0)
    package58398 (1.0.0)
    package58399 (1.0.0)
    package58400 (1.0.0)
    package58401 (1.0.0)
    package58402 (1.0.0)
    package58403 (1.0.0)
    package58404 (1.0.0)
    package58405 (1.0.0)
    package58406 (1.0.0)
    package58407 (1.0.0)
    package58408 (1.0.0)
    package58409 (1.0.0)
    package58410 (1.0.0)
    package58411 (1.0.0)
    package58412 (1.0.0)
    package58413 (1.0.0)
    package58414 (1.0.0)
    package58415 (1.0.0)
    package58416 (1.0.0)
    package58417 (1.0.0)
    package58418 (1.0.0)
    package58419 (1.0.0)
    package58420 (1.0.0)
    package58421 (1.0.0)
    package58422 (1.0.0)
    package58423 (1.0.0)
    package58424 (1.0.0)
    package58425 (1.0.0)
    package58426 (1.0.0)
    package58427 (1.0.0)
    package58428 (1.0.0)
    package58429 (1.0.0)
    package58430 (1.0.0)
    package58431 (1.0.0)
    package58432 (1.0.0)
    package58433 (1.0.0)
    package58434 (1.0.0)
    package58435 (1.0.0)
    package58436 (1.0.0)
    package58437 (1.0.0)
    package58438 (1.0.0)
    package58439 (1.0.0)
    package58440 (1.0.0)
    package58441 (1.0.0)
    package58442 (1.0.0)
    package58443 (1.0.0)
    package58444 (1.0.0)
    package58445 (1.0.0)
    package58446 (1.0.0)
    package58447 (1.0.0)
    package58448 (1.0.0)
    package58449 (1.0.0)
    package58450 (1.0.0)
    package58451 (1.0.0)
    package58452 (1.0.0)
    package58453 (1.0.0)
    package58454 (1.0.0)
    package58455 (1.0.0)
    package58456 (1.0.0)
    package58457 (1.0.0)
    package58458 (1.0.0)
    package58459 (1.0.0)
    package58460 (1.0.0)
    package58461 (1.0.0)
    package58462 (1.0.0)
    package58463 (1.0.0)
    package58464 (1.0.0)
    package58465 (1.0.0)
    package58466 (1.0.0)
    package58467 (1.0.0)
    package58468 (1.0.0)
    package58469 (1.0.0)
    package58470 (1.0.0)
    package58471 (1.0.0)
    package58472 (1.0.0)
    package58473 (1.0.0)
    package58474 (1.0.0)
    package58475 (1.0.0)
    package58476 (1.0.0)
    package58477 (1.0.0)
    package58478 (1.0.0)
    package58479 (1.0.0)
    package58480 (1.0.0)
    package58481 (1.0.0)
    package58482 (1.0.0)
    package58483 (1.0.0)
    package58484 (1.0.0)
    package58485 (1.0.0)
    package58486 (1.0.0)
    package58487 (1.0.0)
    package58488 (1.0.0)
    package58489 (1.0.0)
    package58490 (1.0.0)
    package58491 (1.0.0)
    package58492 (1.0.0)
    package58493 (1.0.0)
    package58494 (1.0.0)
    package58495 (1.0.0)
    package58496 (1.0.0)
    package58497 (1.0.0)
    package58498 (1.0.0)
    package58499 (1.0.0)
    package58500 (1.0.0)
    package58501 (1.0.0)
    package58502 (1.0.0)
    package58503 (1.0.0)
    package58504 (1.0.0)
    package58505 (1.0.0)
    package58506 (1.0.0)
    package58507 (1.0.0)
    package58508 (1.0.0)
    package58509 (1.0.0)
    package58510 (1.0.0)
    package58511 (1.0.0)
    package58512 (1.0.0)
    package58513 (1.0.0)
    package58514 (1.0.0)
    package58515 (1.0.0)
    package58516 (1.0.0)
    package58517 (1.0.0)
    package58518 (1.0.0)
    package58519 (1.0.0)
    package58520 (1.0.0)
    package58521 (1.0.0)
    package58522 (1.0.0)
    package58523 (1.0.0)
    package58524 (1.0.0)
    package58525 (1.0.0)
    package58526 (1.0.0)
    package58527 (1.0.0)
    package58528 (1.0.0)
    package58529 (1.0.0)
    package58530 (1.0.0)
    package58531 (1.0.0)
    package58532 (1.0.0)
    package58533 (1.0.0)
    package58534 (1.0.0)
    package58535 (1.0.0)
    package58536 (1.0.0)
    package58537 (1.0.0)
    package58538 (1.0.0)
    package58539 (1.0.0)
    package58540 (1.0.0)
    package58541 (1.0.0)
    package58542 (1.0.0)
    package58543 (1.0.0)
    package58544 (1.0.0)
    package58545 (1.0.0)
    package58546 (1.0.0)
    package58547 (1.0.0)
    package58548 (1.0.0)
    package58549 (1.0.0)
    package58550 (1.0.0)
    package58551 (1.0.0)
    package58552 (1.0.0)
    package58553 (1.0.0)
    package58554 (1.0.0)
    package58555 (1.0.0)
    package58556 (1.0.0)
    package58557 (1.0.0)
    package58558 (1.0.0)
    package58559 (1.0.0)
    package58560 (1.0.0)
    package58561 (1.0.0)
    package58562 (1.0.0)
    package58563 (1.0.0)
    package58564 (1.0.0)
    package58565 (1.0.0)
    package58566 (1.0.0)
    package58567 (1.0.0)
    package58568 (1.0.0)
    package58569 (1.0.0)
    package58570 (1.0.0)
    package58571 (1.0.0)
    package58572 (1.0.0)
    package58573 (1.0.0)
    package58574 (1.0.0)
    package58575 (1.0.0)
    package58576 (1.0.0)
    package58577 (1.0.0)
    package58578 (1.0.0)
    package58579 (1.0.0)
    package58580 (1.0.0)
    package58581 (1.0.0)
    package58582 (1.0.0)
    package58583 (1.0.0)
    package58584 (1.0.0)
    package58585 (1.0.0)
    package58586 (1.0.0)
    package58587 (1.0.0)
    package58588 (1.0.0)
    package58589 (1.0.0)
    package58590 (1.0.0)
    package58591 (1.0.0)
    package58592 (1.0.0)
    package58593 (1.0.0)
    package58594 (1.0.0)
    package58595 (1.0.0)
    package58596 (1.0.0)
    package58597 (1.0.0)
    package58598 (1.0.0)
    package58599 (1.0.0)
    package58600 (1.0.0)
    package58601 (1.0.0)
    package58602 (1.0.0)
    package58603 (1.0.0)
    package58604 (1.0.0)
    package58605 (1.0.0)
    package58606 (1.0.0)
    package58607 (1.0.0)
    package58608 (1.0.0)
    package58609 (1.0.0)
    package58610 (1.0.0)
    package58611 (1.0.0)
    package58612 (1.0.0)
    package58613 (1.0.0)
    package58614 (1.0.0)
    package58615 (1.0.0)
    package58616 (1.0.0)
    package58617 (1.0.0)
    package58618 (1.0.0)
    package58619 (1.0.0)
    package58620 (1.0.0)
    package58621 (1.0.0)
    package58622 (1.0.0)
    package58623 (1.0.0)
    package58624 (1.0.0)
    package58625 (1.0.0)
    package58626 (1.0.0)
    package58627 (1.0.0)
    package58628 (1.0.0)
    package58629 (1.0.0)
    package58630 (1.0.0)
    package58631 (1.0.0)
    package58632 (1.0.0)
    package58633 (1.0.0)
    package58634 (1.0.0)
    package58635 (1.0.0)
    package58636 (1.0.0)
    package58637 (1.0.0)
    package58638 (1.0.0)
    package58639 (1.0.0)
    package58640 (1.0.0)
    package58641 (1.0.0)
    package58642 (1.0.0)
    package58643 (1.0.0)
    package58644 (1.0.0)
    package58645 (1.0.0)
    package58646 (1.0.0)
    package58647 (1.0.0)
    package58648 (1.0.0)
    package58649 (1.0.0)
    package58650 (1.0.0)
    package58651 (1.0.0)
    package58652 (1.0.0)
    package58653 (1.0.0)
    package58654 (1.0.0)
    package58655 (1.0.0)
    package58656 (1.0.0)
    package58657 (1.0.0)
    package58658 (1.0.0)
    package58659 (1.0.0)
    package58660 (1.0.0)
    package58661 (1.0.0)
    package58662 (1.0.0)
    package58663 (1.0.0)
    package58664 (1.0.0)
    package58665 (1.0.0)
    package58666 (1.0.0)
    package58667 (1.0.0)
    package58668 (1.0.0)
    package58669 (1.0.0)
    package58670 (1.0.0)
    package58671 (1.0.0)
    package58672 (1.0.0)
    package58673 (1.0.0)
    package58674 (1.0.0)
    package58675 (1.0.0)
    package58676 (1.0.0)
    package58677 (1.0.0)
    package58678 (1.0.0)
    package58679 (1.0.0)
    package58680 (1.0.0)
    package58681 (1.0.0)
    package58682 (1.0.0)
    package58683 (1.0.0)
    package58684 (1.0.0)
    package58685 (1.0.0)
    package58686 (1.0.0)
    package58687 (1.0.0)
    package58688 (1.0.0)
    package58689 (1.0.0)
    package58690 (1.0.0)
    package58691 (1.0.0)
    package58692 (1.0.0)
    package58693 (1.0.0)
    package58694 (1.0.0)
    package58695 (1.0.0)
    package58696 (1.0.0)
    package58697 (1.0.0)
    package58698 (1.0.0)
    package58699 (1.0.0)
    package58700 (1.0.0)
    package58701 (1.0.0)
    package58702 (1.0.0)
    package58703 (1.0.0)
    package58704 (1.0.0)
    package58705 (1.0.0)
    package58706 (1.0.0)
    package58707 (1.0.0)
    package58708 (1.0.0)
    package58709 (1.0.0)
    package58710 (1.0.0)
    package58711 (1.0.0)
    package58712 (1.0.0)
    package58713 (1.0.0)
    package58714 (1.0.0)
    package58715 (1.0.0)
    package58716 (1.0.0)
    package58717 (1.0.0)
    package58718 (1.0.0)
    package58719 (1.0.0)
    package58720 (1.0.0)
    package58721 (1.0.0)
    package58722 (1.0.0)
    package58723 (1.0.0)
    package58724 (1.0.0)
    package58725 (1.0.0)
    package58726 (1.0.0)
    package58727 (1.0.0)
    package58728 (1.0.0)
    package58729 (1.0.0)
    package58730 (1.0.0)
    package58731 (1.0.0)
    package58732 (1.0.0)
    package58733 (1.0.0)
    package58734 (1.0.0)
    package58735 (1.0.0)
    package58736 (1.0.0)
    package58737 (1.0.0)
    package58738 (1.0.0)
    package58739 (1.0.0)
    package58740 (1.0.0)
    package58741 (1.0.0)
    package58742 (1.0.0)
    package58743 (1.0.0)
    package58744 (1.0.0)
    package58745 (1.0.0)
    package58746 (1.0.0)
    package58747 (1.0.0)
    package58748 (1.0.0)
    package58749 (1.0.0)
    package58750 (1.0.0)
    package58751 (1.0.0)
    package58752 (1.0.0)
    package58753 (1.0.0)
    package58754 (1.0.0)
    package58755 (1.0.0)
    package58756 (1.0.0)
    package58757 (1.0.0)
    package58758 (1.0.0)
    package58759 (1.0.0)
    package58760 (1.0.0)
    package58761 (1.0.0)
    package58762 (1.0.0)
    package58763 (1.0.0)
    package58764 (1.0.0)
    package58765 (1.0.0)
    package58766 (1.0.0)
    package58767 (1.0.0)
    package58768 (1.0.0)
    package58769 (1.0.0)
    package58770 (1.0.0)
    package58771 (1.0.0)
    package58772 (1.0.0)
    package58773 (1.0.0)
    package58774 (1.0.0)
    package58775 (1.0.0)
    package58776 (1.0.0)
    package58777 (1.0.0)
    package58778 (1.0.0)
    package58779 (1.0.0)
    package58780 (1.0.0)
    package58781 (1.0.0)
    package58782 (1.0.0)
    package58783 (1.0.0)
    package58784 (1.0.0)
    package58785 (1.0.0)
    package58786 (1.0.0)
    package58787 (1.0.0)
    package58788 (1.0.0)
    package58789 (1.0.0)
    package58790 (1.0.0)
    package58791 (1.0.0)
    package58792 (1.0.0)
    package58793 (1.0.0)
    package58794 (1.0.0)
    package58795 (1.0.0)
    package58796 (1.0.0)
    package58797 (1.0.0)
    package58798 (1.0.0)
    package58799 (1.0.0)
    package58800 (1.0.0)
    package58801 (1.0.0)
    package58802 (1.0.0)
    package58803 (1.0.0)
    package58804 (1.0.0)
    package58805 (1.0.0)
    package58806 (1.0.0)
    package58807 (1.0.0)
    package58808 (1.0.0)
    package58809 (1.0.0)
    package58810 (1.0.0)
    package58811 (1.0.0)
    package58812 (1.0.0)
    package58813 (1.0.0)
    package58814 (1.0.0)
    package58815 (1.0.0)
    package58816 (1.0.0)
    package58817 (1.0.0)
    package58818 (1.0.0)
    package58819 (1.0.0)
    package58820 (1.0.0)
    package58821 (1.0.0)
    package58822 (1.0.0)
    package58823 (1.0.0)
    package58824 (1.0.0)
    package58825 (1.0.0)
    package58826 (1.0.0)
    package58827 (1.0.0)
    package58828 (1.0.0)
    package58829 (1.0.0)
    package58830 (1.0.0)
    package58831 (1.0.0)
    package58832 (1.0.0)
    package58833 (1.0.0)
    package58834 (1.0.0)
    package58835 (1.0.0)
    package58836 (1.0.0)
    package58837 (1.0.0)
    package58838 (1.0.0)
    package58839 (1.0.0)
    package58840 (1.0.0)
    package58841 (1.0.0)
    package58842 (1.0.0)
    package58843 (1.0.0)
    package58844 (1.0.0)
    package58845 (1.0.0)
    package58846 (1.0.0)
    package58847 (1.0.0)
    package58848 (1.0.0)
    package58849 (1.0.0)
    package58850 (1.0.0)
    package58851 (1.0.0)
    package58852 (1.0.0)
    package58853 (1.0.0)
    package58854 (1.0.0)
    package58855 (1.0.0)
    package58856 (1.0.0)
    package58857 (1.0.0)
    package58858 (1.0.0)
    package58859 (1.0.0)
    package58860 (1.0.0)
    package58861 (1.0.0)
    package58862 (1.0.0)
    package58863 (1.0.0)
    package58864 (1.0.0)
    package58865 (1.0.0)
    package58866 (1.0.0)
    package58867 (1.0.0)
    package58868 (1.0.0)
    package58869 (1.0.0)
    package58870 (1.0.0)
    package58871 (1.0.0)
    package58872 (1.0.0)
    package58873 (1.0.0)
    package58874 (1.0.0)
    package58875 (1.0.0)
    package58876 (1.0.0)
    package58877 (1.0.0)
    package58878 (1.0.0)
    package58879 (1.0.0)
    package58880 (1.0.0)
    package58881 (1.0.0)
    package58882 (1.0.0)
    package58883 (1.0.0)
    package58884 (1.0.0)
    package58885 (1.0.0)
    package58886 (1.0.0)
    package58887 (1.0.0)
    package58888 (1.0.0)
    package58889 (1.0.0)
    package58890 (1.0.0)
    package58891 (1.0.0)
    package58892 (1.0.0)
    package58893 (1.0.0)
    package58894 (1.0.0)
    package58895 (1.0.0)
    package58896 (1.0.0)
    package58897 (1.0.0)
    package58898 (1.0.0)
    package58899 (1.0.0)
    package58900 (1.0.0)
    package58901 (1.0.0)
    package58902 (1.0.0)
    package58903 (1.0.0)
    package58904 (1.0.0)
    package58905 (1.0.0)
    package58906 (1.0.0)
    package58907 (1.0.0)
    package58908 (1.0.0)
    package58909 (1.0.0)
    package58910 (1.0.0)
    package58911 (1.0.0)
    package58912 (1.0.0)
    package58913 (1.0.0)
    package58914 (1.0.0)
    package58915 (1.0.0)
    package58916 (1.0.0)
    package58917 (1.0.0)
    package58918 (1.0.0)
    package58919 (1.0.0)
    package58920 (1.0.0)
    package58921 (1.0.0)
    package58922 (1.0.0)
    package58923 (1.0.0)
    package58924 (1.0.0)
    package58925 (1.0.0)
    package58926 (1.0.0)
    package58927 (1.0.0)
    package58928 (1.0.0)
    package58929 (1.0.0)
    package58930 (1.0.0)
    package58931 (1.0.0)
    package58932 (1.0.0)
    package58933 (1.0.0)
    package58934 (1.0.0)
    package58935 (1.0.0)
    package58936 (1.0.0)
    package58937 (1.0.0)
    package58938 (1.0.0)
    package58939 (1.0.0)
    package58940 (1.0.0)
    package58941 (1.0.0)
    package58942 (1.0.0)
    package58943 (1.0.0)
    package58944 (1.0.0)
    package58945 (1.0.0)
    package58946 (1.0.0)
    package58947 (1.0.0)
    package58948 (1.0.0)
    package58949 (1.0.0)
    package58950 (1.0.0)
    package58951 (1.0.0)
    package58952 (1.0.0)
    package58953 (1.0.0)
    package58954 (1.0.0)
    package58955 (1.0.0)
    package58956 (1.0.0)
    package58957 (1.0.0)
    package58958 (1.0.0)
    package58959 (1.0.0)
    package58960 (1.0.0)
    package58961 (1.0.0)
    package58962 (1.0.0)
    package58963 (1.0.0)
    package58964 (1.0.0)
    package58965 (1.0.0)
    package58966 (1.0.0)
    package58967 (1.0.0)
    package58968 (1.0.0)
    package58969 (1.0.0)
    package58970 (1.0.0)
    package58971 (1.0.0)
    package58972 (1.0.0)
    package58973 (1.0.0)
    package58974 (1.0.0)
    package58975 (1.0.0)
    package58976 (1.0.0)
    package58977 (1.0.0)
    package58978 (1.0.0)
    package58979 (1.0.0)
    package58980 (1.0.0)
    package58981 (1.0.0)
    package58982 (1.0.0)
    package58983 (1.0.0)
    package58984 (1.0.0)
    package58985 (1.0.0)
    package58986 (1.0.0)
    package58987 (1.0.0)
    package58988 (1.0.0)
    package58989 (1.0.0)
    package58990 (1.0.0)
    package58991 (1.0.0)
    package58992 (1.0.0)
    package58993 (1.0.0)
    package58994 (1.0.0)
    package58995 (1.0.0)
    package58996 (1.0.0)
    package58997 (1.0.0)
    package58998 (1.0.0)
    package58999 (1.0.0)
    package59000 (1.0.0)
    package59001 (1.0.0)
    package59002 (1.0.0)
    package59003 (1.0.0)
    package59004 (1.0.0)
    package59005 (1.0.0)
    package59006 (1.0.0)
    package59007 (1.0.0)
    package59008 (1.0.0)
    package59009 (1.0.0)
    package59010 (1.0.0)
    package59011 (1.0.0)
    package59012 (1.0.0)
    package59013 (1.0.0)
    package59014 (1.0.0)
    package59015 (1.0.0)
    package59016 (1.0.0)
    package59017 (1.0.0)
    package59018 (1.0.0)
    package59019 (1.0.0)
    package59020 (1.0.0)
    package59021 (1.0.0)
    package59022 (1.0.0)
    package59023 (1.0.0)
    package59024 (1.0.0)
    package59025 (1.0.0)
    package59026 (1.0.0)
    package59027 (1.0.0)
    package59028 (1.0.0)
    package59029 (1.0.0)
    package59030 (1.0.0)
    package59031 (1.0.0)
    package59032 (1.0.0)
    package59033 (1.0.0)
    package59034 (1.0.0)
    package59035 (1.0.0)
    package59036 (1.0.0)
    package59037 (1.0.0)
    package59038 (1.0.0)
    package59039 (1.0.0)
    package59040 (1.0.0)
    package59041 (1.0.0)
    package59042 (1.0.0)
    package59043 (1.0.0)
    package59044 (1.0.0)
    package59045 (1.0.0)
    package59046 (1.0.0)
    package59047 (1.0.0)
    package59048 (1.0.0)
    package59049 (1.0.0)
    package59050 (1.0.0)
    package59051 (1.0.0)
    package59052 (1.0.0)
    package59053 (1.0.0)
    package59054 (1.0.0)
    package59055 (1.0.0)
    package59056 (1.0.0)
    package59057 (1.0.0)
    package59058 (1.0.0)
    package59059 (1.0.0)
    package59060 (1.0.0)
    package59061 (1.0.0)
    package59062 (1.0.0)
    package59063 (1.0.0)
    package59064 (1.0.0)
    package59065 (1.0.0)
    package59066 (1.0.0)
    package59067 (1.0.0)
    package59068 (1.0.0)
    package59069 (1.0.0)
    package59070 (1.0.0)
    package59071 (1.0.0)
    package59072 (1.0.0)
    package59073 (1.0.0)
    package59074 (1.0.0)
    package59075 (1.0.0)
    package59076 (1.0.0)
    package59077 (1.0.0)
    package59078 (1.0.0)
    package59079 (1.0.0)
    package59080 (1.0.0)
    package59081 (1.0.0)
    package59082 (1.0.0)
    package59083 (1.0.0)
    package59084 (1.0.0)
    package59085 (1.0.0)
    package59086 (1.0.0)
    package59087 (1.0.0)
    package59088 (1.0.0)
    package59089 (1.0.0)
    package59090 (1.0.0)
    package59091 (1.0.0)
    package59092 (1.0.0)
    package59093 (1.0.0)
    package59094 (1.0.0)
    package59095 (1.0.0)
    package59096 (1.0.0)
    package59097 (1.0.0)
    package59098 (1.0.0)
    package59099 (1.0.0)
    package59100 (1.0.0)
    package59101 (1.0.0)
    package59102 (1.0.0)
    package59103 (1.0.0)
    package59104 (1.0.0)
    package59105 (1.0.0)
    package59106 (1.0.0)
    package59107 (1.0.0)
    package59108 (1.0.0)
    package59109 (1.0.0)
    package59110 (1.0.0)
    package59111 (1.0.0)
    package59112 (1.0.0)
    package59113 (1.0.0)
    package59114 (1.0.0)
    package59115 (1.0.0)
    package59116 (1.0.0)
    package59117 (1.0.0)
    package59118 (1.0.0)
    package59119 (1.0.0)
    package59120 (1.0.0)
    package59121 (1.0.0)
    package59122 (1.0.0)
    package59123 (1.0.0)
    package59124 (1.0.0)
    package59125 (1.0.0)
    package59126 (1.0.0)
    package59127 (1.0.0)
    package59128 (1.0.0)
    package59129 (1.0.0)
    package59130 (1.0.0)
    package59131 (1.0.0)
    package59132 (1.0.0)
    package59133 (1.0.0)
    package59134 (1.0.0)
    package59135 (1.0.0)
    package59136 (1.0.0)
    package59137 (1.0.0)
    package59138 (1.0.0)
    package59139 (1.0.0)
    package59140 (1.0.0)
    package59141 (1.0.0)
    package59142 (1.0.0)
    package59143 (1.0.0)
    package59144 (1.0.0)
    package59145 (1.0.0)
    package59146 (1.0.0)
    package59147 (1.0.0)
    package59148 (1.0.0)
    package59149 (1.0.0)
    package59150 (1.0.0)
    package59151 (1.0.0)
    package59152 (1.0.0)
    package59153 (1.0.0)
    package59154 (1.0.0)
    package59155 (1.0.0)
    package59156 (1.0.0)
    package59157 (1.0.0)
    package59158 (1.0.0)
    package59159 (1.0.0)
    package59160 (1.0.0)
    package59161 (1.0.0)
    package59162 (1.0.0)
    package59163 (1.0.0)
    package59164 (1.0.0)
    package59165 (1.0.0)
    package59166 (1.0.0)
    package59167 (1.0.0)
    package59168 (1.0.0)
    package59169 (1.0.0)
    package59170 (1.0.0)
    package59171 (1.0.0)
    package59172 (1.0.0)
    package59173 (1.0.0)
    package59174 (1.0.0)
    package59175 (1.0.0)
    package59176 (1.0.0)
    package59177 (1.0.0)
    package59178 (1.0.0)
    package59179 (1.0.0)
    package59180 (1.0.0)
    package59181 (1.0.0)
    package59182 (1.0.0)
    package59183 (1.0.0)
    package59184 (1.0.0)
    package59185 (1.0.0)
    package59186 (1.0.0)
    package59187 (1.0.0)
    package59188 (1.0.0)
    package59189 (1.0.0)
    package59190 (1.0.0)
    package59191 (1.0.0)
    package59192 (1.0.0)
    package59193 (1.0.0)
    package59194 (1.0.0)
    package59195 (1.0.0)
    package59196 (1.0.0)
    package59197 (1.0.0)
    package59198 (1.0.0)
    package59199 (1.0.0)
    package59200 (1.0.0)
    package59201 (1.0.0)
    package59202 (1.0.0)
    package59203 (1.0.0)
    package59204 (1.0.0)
    package59205 (1.0.0)
    package59206 (1.0.0)
    package59207 (1.0.0)
    package59208 (1.0.0)
    package59209 (1.0.0)
    package59210 (1.0.0)
    package59211 (1.0.0)
    package59212 (1.0.0)
    package59213 (1.0.0)
    package59214 (1.0.0)
    package59215 (1.0.0)
    package59216 (1.0.0)
    package59217 (1.0.0)
    package59218 (1.0.0)
    package59219 (1.0.0)
    package59220 (1.0.0)
    package59221 (1.0.0)
    package59222 (1.0.0)
    package59223 (1.0.0)
    package59224 (1.0.0)
    package59225 (1.0.0)
    package59226 (1.0.0)
    package59227 (1.0.0)
    package59228 (1.0.0)
    package59229 (1.0.0)
    package59230 (1.0.0)
    package59231 (1.0.0)
    package59232 (1.0.0)
    package59233 (1.0.0)
    package59234 (1.0.0)
    package59235 (1.0.0)
    package59236 (1.0.0)
    package59237 (1.0.0)
    package59238 (1.0.0)
    package59239 (1.0.0)
    package59240 (1.0.0)
    package59241 (1.0.0)
    package59242 (1.0.0)
    package59243 (1.0.0)
    package59244 (1.0.0)
    package59245 (1.0.0)
    package59246 (1.0.0)
    package59247 (1.0.0)
    package59248 (1.0.0)
    package59249 (1.0.0)
    package59250 (1.0.0)
    package59251 (1.0.0)
    package59252 (1.0.0)
    package59253 (1.0.0)
    package59254 (1.0.0)
    package59255 (1.0.0)
    package59256 (1.0.0)
    package59257 (1.0.0)
    package59258 (1.0.0)
    package59259 (1.0.0)
    package59260 (1.0.0)
    package59261 (1.0.0)
    package59262 (1.0.0)
    package59263 (1.0.0)
    package59264 (1.0.0)
    package59265 (1.0.0)
    package59266 (1.0.0)
    package59267 (1.0.0)
    package59268 (1.0.0)
    package59269 (1.0.0)
    package59270 (1.0.0)
    package59271 (1.0.0)
    package59272 (1.0.0)
    package59273 (1.0.0)
    package59274 (1.0.0)
    package59275 (1.0.0)
    package59276 (1.0.0)
    package59277 (1.0.0)
    package59278 (1.0.0)
    package59279 (1.0.0)
    package59280 (1.0.0)
    package59281 (1.0.0)
    package59282 (1.0.0)
    package59283 (1.0.0)
    package59284 (1.0.0)
    package59285 (1.0.0)
    package59286 (1.0.0)
    package59287 (1.0.0)
    package59288 (1.0.0)
    package59289 (1.0.0)
    package59290 (1.0.0)
    package59291 (1.0.0)
    package59292 (1.0.0)
    package59293 (1.0.0)
    package59294 (1.0.0)
    package59295 (1.0.0)
    package59296 (1.0.0)
    package59297 (1.0.0)
    package59298 (1.0.0)
    package59299 (1.0.0)
    package59300 (1.0.0)
    package59301 (1.0.0)
    package59302 (1.0.0)
    package59303 (1.0.0)
    package59304 (1.0.0)
    package59305 (1.0.0)
    package59306 (1.0.0)
    package59307 (1.0.0)
    package59308 (1.0.0)
    package59309 (1.0.0)
    package59310 (1.0.0)
    package59311 (1.0.0)
    package59312 (1.0.0)
    package59313 (1.0.0)
    package59314 (1.0.0)
    package59315 (1.0.0)
    package59316 (1.0.0)
    package59317 (1.0.0)
    package59318 (1.0.0)
    package59319 (1.0.0)
    package59320 (1.0.0)
    package59321 (1.0.0)
    package59322 (1.0.0)
    package59323 (1.0.0)
    package59324 (1.0.0)
    package59325 (1.0.0)
    package59326 (1.0.0)
    package59327 (1.0.0)
    package59328 (1.0.0)
    package59329 (1.0.0)
    package59330 (1.0.0)
    package59331 (1.0.0)
    package59332 (1.0.0)
    package59333 (1.0.0)
    package59334 (1.0.0)
    package59335 (1.0.0)
    package59336 (1.0.0)
    package59337 (1.0.0)
    package59338 (1.0.0)
    package59339 (1.0.0)
    package59340 (1.0.0)
    package59341 (1.0.0)
    package59342 (1.0.0)
    package59343 (1.0.0)
    package59344 (1.0.0)
    package59345 (1.0.0)
    package59346 (1.0.0)
    package59347 (1.0.0)
    package59348 (1.0.0)
    package59349 (1.0.0)
    package59350 (1.0.0)
    package59351 (1.0.0)
    package59352 (1.0.0)
    package59353 (1.0.0)
    package59354 (1.0.0)
    package59355 (1.0.0)
    package59356 (1.0.0)
    package59357 (1.0.0)
    package59358 (1.0.0)
    package59359 (1.0.0)
    package59360 (1.0.0)
    package59361 (1.0.0)
    package59362 (1.0.0)
    package59363 (1.0.0)
    package59364 (1.0.0)
    package59365 (1.0.0)
    package59366 (1.0.0)
    package59367 (1.0.0)
    package59368 (1.0.0)
    package59369 (1.0.0)
    package59370 (1.0.0)
    package59371 (1.0.0)
    package59372 (1.0.0)
    package59373 (1.0.0)
    package59374 (1.0.0)
    package59375 (1.0.0)
    package59376 (1.0.0)
    package59377 (1.0.0)
    package59378 (1.0.0)
    package59379 (1.0.0)
    package59380 (1.0.0)
    package59381 (1.0.0)
    package59382 (1.0.0)
    package59383 (1.0.0)
    package59384 (1.0.0)
    package59385 (1.0.0)
    package59386 (1.0.0)
    package59387 (1.0.0)
    package59388 (1.0.0)
    package59389 (1.0.0)
    package59390 (1.0.0)
    package59391 (1.0.0)
    package59392 (1.0.0)
    package59393 (1.0.0)
    package59394 (1.0.0)
    package59395 (1.0.0)
    package59396 (1.0.0)
    package59397 (1.0.0)
    package59398 (1.0.0)
    package59399 (1.0.0)
    package59400 (1.0.0)
    package59401 (1.0.0)
    package59402 (1.0.0)
    package59403 (1.0.0)
    package59404 (1.0.0)
    package59405 (1.0.0)
    package59406 (1.0.0)
    package59407 (1.0.0)
    package59408 (1.0.0)
    package59409 (1.0.0)
    package59410 (1.0.0)
    package59411 (1.0.0)
    package59412 (1.0.0)
    package59413 (1.0.0)
    package59414 (1.0.0)
    package59415 (1.0.0)
    package59416 (1.0.0)
    package59417 (1.0.0)
    package59418 (1.0.0)
    package59419 (1.0.0)
    package59420 (1.0.0)
    package59421 (1.0.0)
    package59422 (1.0.0)
    package59423 (1.0.0)
    package59424 (1.0.0)
    package59425 (1.0.0)
    package59426 (1.0.0)
    package59427 (1.0.0)
    package59428 (1.0.0)
    package59429 (1.0.0)
    package59430 (1.0.0)
    package59431 (1.0.0)
    package59432 (1.0.0)
    package59433 (1.0.0)
    package59434 (1.0.0)
    package59435 (1.0.0)
    package59436 (1.0.0)
    package59437 (1.0.0)
    package59438 (1.0.0)
    package59439 (1.0.0)
    package59440 (1.0.0)
    package59441 (1.0.0)
    package59442 (1.0.0)
    package59443 (1.0.0)
    package59444 (1.0.0)
    package59445 (1.0.0)
    package59446 (1.0.0)
    package59447 (1.0.0)
    package59448 (1.0.0)
    package59449 (1.0.0)
    package59450 (1.0.0)
    package59451 (1.0.0)
    package59452 (1.0.0)
    package59453 (1.0.0)
    package59454 (1.0.0)
    package59455 (1.0.0)
    package59456 (1.0.0)
    package59457 (1.0.0)
    package59458 (1.0.0)
    package59459 (1.0.0)
    package59460 (1.0.0)
    package59461 (1.0.0)
    package59462 (1.0.0)
    package59463 (1.0.0)
    package59464 (1.0.0)
    package59465 (1.0.0)
    package59466 (1.0.0)
    package59467 (1.0.0)
    package59468 (1.0.0)
    package59469 (1.0.0)
    package59470 (1.0.0)
    package59471 (1.0.0)
    package59472 (1.0.0)
    package59473 (1.0.0)
    package59474 (1.0.0)
    package59475 (1.0.0)
    package59476 (1.0.0)
    package59477 (1.0.0)
    package59478 (1.0.0)
    package59479 (1.0.0)
    package59480 (1.0.0)
    package59481 (1.0.0)
    package59482 (1.0.0)
    package59483 (1.0.0)
    package59484 (1.0.0)
    package59485 (1.0.0)
    package59486 (1.0.0)
    package59487 (1.0.0)
    package59488 (1.0.0)
    package59489 (1.0.0)
    package59490 (1.0.0)
    package59491 (1.0.0)
    package59492 (1.0.0)
    package59493 (1.0.0)
    package59494 (1.0.0)
    package59495 (1.0.0)
    package59496 (1.0.0)
    package59497 (1.0.0)
    package59498 (1.0.0)
    package59499 (1.0.0)
    package59500 (1.0.0)
    package59501 (1.0.0)
    package59502 (1.0.0)
    package59503 (1.0.0)
    package59504 (1.0.0)
    package59505 (1.0.0)
    package59506 (1.0.0)
    package59507 (1.0.0)
    package59508 (1.0.0)
    package59509 (1.0.0)
    package59510 (1.0.0)
    package59511 (1.0.0)
    package59512 (1.0.0)
    package59513 (1.0.0)
    package59514 (1.0.0)
    package59515 (1.0.0)
    package59516 (1.0.0)
    package59517 (1.0.0)
    package59518 (1.0.0)
    package59519 (1.0.0)
    package59520 (1.0.0)
    package59521 (1.0.0)
    package59522 (1.0.0)
    package59523 (1.0.0)
    package59524 (1.0.0)
    package59525 (1.0.0)
    package59526 (1.0.0)
    package59527 (1.0.0)
    package59528 (1.0.0)
    package59529 (1.0.0)
    package59530 (1.0.0)
    package59531 (1.0.0)
    package59532 (1.0.0)
    package59533 (1.0.0)
    package59534 (1.0.0)
    package59535 (1.0.0)
    package59536 (1.0.0)
    package59537 (1.0.0)
    package59538 (1.0.0)
    package59539 (1.0.0)
    package59540 (1.0.0)
    package59541 (1.0.0)
    package59542 (1.0.0)
    package59543 (1.0.0)
    package59544 (1.0.0)
    package59545 (1.0.0)
    package59546 (1.0.0)
    package59547 (1.0.0)
    package59548 (1.0.0)
    package59549 (1.0.0)
    package59550 (1.0.0)
    package59551 (1.0.0)
    package59552 (1.0.0)
    package59553 (1.0.0)
    package59554 (1.0.0)
    package59555 (1.0.0)
    package59556 (1.0.0)
    package59557 (1.0.0)
    package59558 (1.0.0)
    package59559 (1.0.0)
    package59560 (1.0.0)
    package59561 (1.0.0)
    package59562 (1.0.0)
    package59563 (1.0.0)
    package59564 (1.0.0)
    package59565 (1.0.0)
    package59566 (1.0.0)
    package59567 (1.0.0)
    package59568 (1.0.0)
    package59569 (1.0.0)
    package59570 (1.0.0)
    package59571 (1.0.0)
    package59572 (1.0.0)
    package59573 (1.0.0)
    package59574 (1.0.0)
    package59575 (1.0.0)
    package59576 (1.0.0)
    package59577 (1.0.0)
    package59578 (1.0.0)
    package59579 (1.0.0)
    package59580 (1.0.0)
    package59581 (1.0.0)
    package59582 (1.0.0)
    package59583 (1.0.0)
    package59584 (1.0.0)
    package59585 (1.0.0)
    package59586 (1.0.0)
    package59587 (1.0.0)
    package59588 (1.0.0)
    package59589 (1.0.0)
    package59590 (1.0.0)
    package59591 (1.0.0)
    package59592 (1.0.0)
    package59593 (1.0.0)
    package59594 (1.0.0)
    package59595 (1.0.0)
    package59596 (1.0.0)
    package59597 (1.0.0)
    package59598 (1.0.0)
    package59599 (1.0.0)
    package59600 (1.0.0)
    package59601 (1.0.0)
    package59602 (1.0.0)
    package59603 (1.0.0)
    package59604 (1.0.0)
    package59605 (1.0.0)
    package59606 (1.0.0)
    package59607 (1.0.0)
    package59608 (1.0.0)
    package59609 (1.0.0)
    package59610 (1.0.0)
    package59611 (1.0.0)
    package59612 (1.0.0)
    package59613 (1.0.0)
    package59614 (1.0.0)
    package59615 (1.0.0)
    package59616 (1.0.0)
    package59617 (1.0.0)
    package59618 (1.0.0)
    package59619 (1.0.0)
    package59620 (1.0.0)
    package59621 (1.0.0)
    package59622 (1.0.0)
    package59623 (1.0.0)
    package59624 (1.0.0)
    package59625 (1.0.0)
    package59626 (1.0.0)
    package59627 (1.0.0)
    package59628 (1.0.0)
    package59629 (1.0.0)
    package59630 (1.0.0)
    package59631 (1.0.0)
    package59632 (1.0.0)
    package59633 (1.0.0)
    package59634 (1.0.0)
    package59635 (1.0.0)
    package59636 (1.0.0)
    package59637 (1.0.0)
    package59638 (1.0.0)
    package59639 (1.0.0)
    package59640 (1.0.0)
    package59641 (1.0.0)
    package59642 (1.0.0)
    package59643 (1.0.0)
    package59644 (1.0.0)
    package59645 (1.0.0)
    package59646 (1.0.0)
    package59647 (1.0.0)
    package59648 (1.0.0)
    package59649 (1.0.0)
    package59650 (1.0.0)
    package59651 (1.0.0)
    package59652 (1.0.0)
    package59653 (1.0.0)
    package59654 (1.0.0)
    package59655 (1.0.0)
    package59656 (1.0.0)
    package59657 (1.0.0)
    package59658 (1.0.0)
    package59659 (1.0.0)
    package59660 (1.0.0)
    package59661 (1.0.0)
    package59662 (1.0.0)
    package59663 (1.0.0)
    package59664 (1.0.0)
    package59665 (1.0.0)
    package59666 (1.0.0)
    package59667 (1.0.0)
    package59668 (1.0.0)
    package59669 (1.0.0)
    package59670 (1.0.0)
    package59671 (1.0.0)
    package59672 (1.0.0)
    package59673 (1.0.0)
    package59674 (1.0.0)
    package59675 (1.0.0)
    package59676 (1.0.0)
    package59677 (1.0.0)
    package59678 (1.0.0)
    package59679 (1.0.0)
    package59680 (1.0.0)
    package59681 (1.0.0)
    package59682 (1.0.0)
    package59683 (1.0.0)
    package59684 (1.0.0)
    package59685 (1.0.0)
    package59686 (1.0.0)
    package59687 (1.0.0)
    package59688 (1.0.0)
    package59689 (1.0.0)
    package59690 (1.0.0)
    package59691 (1.0.0)
    package59692 (1.0.0)
    package59693 (1.0.0)
    package59694 (1.0.0)
    package59695 (1.0.0)
    package59696 (1.0.0)
    package59697 (1.0.0)
    package59698 (1.0.0)
    package59699 (1.0.0)
    package59700 (1.0.0)
    package59701 (1.0.0)
    package59702 (1.0.0)
    package59703 (1.0.0)
    package59704 (1.0.0)
    package59705 (1.0.0)
    package59706 (1.0.0)
    package59707 (1.0.0)
    package59708 (1.0.0)
    package59709 (1.0.0)
    package59710 (1.0.0)
    package59711 (1.0.0)
    package59712 (1.0.0)
    package59713 (1.0.0)
    package59714 (1.0.0)
    package59715 (1.0.0)
    package59716 (1.0.0)
    package59717 (1.0.0)
    package59718 (1.0.0)
    package59719 (1.0.0)
    package59720 (1.0.0)
    package59721 (1.0.0)
    package59722 (1.0.0)
    package59723 (1.0.0)
    package59724 (1.0.0)
    package59725 (1.0.0)
    package59726 (1.0.0)
    package59727 (1.0.0)
    package59728 (1.0.0)
    package59729 (1.0.0)
    package59730 (1.0.0)
    package59731 (1.0.0)
    package59732 (1.0.0)
    package59733 (1.0.0)
    package59734 (1.0.0)
    package59735 (1.0.0)
    package59736 (1.0.0)
    package59737 (1.0.0)
    package59738 (1.0.0)
    package59739 (1.0.0)
    package59740 (1.0.0)
    package59741 (1.0.0)
    package59742 (1.0.0)
    package59743 (1.0.0)
    package59744 (1.0.0)
    package59745 (1.0.0)
    package59746 (1.0.0)
    package59747 (1.0.0)
    package59748 (1.0.0)
    package59749 (1.0.0)
    package59750 (1.0.0)
    package59751 (1.0.0)
    package59752 (1.0.0)
    package59753 (1.0.0)
    package59754 (1.0.0)
    package59755 (1.0.0)
    package59756 (1.0.0)
    package59757 (1.0.0)
    package59758 (1.0.0)
    package59759 (1.0.0)
    package59760 (1.0.0)
    package59761 (1.0.0)
    package59762 (1.0.0)
    package59763 (1.0.0)
    package59764 (1.0.0)
    package59765 (1.0.0)
    package59766 (1.0.0)
    package59767 (1.0.0)
    package59768 (1.0.0)
    package59769 (1.0.0)
    package59770 (1.0.0)
    package59771 (1.0.0)
    package59772 (1.0.0)
    package59773 (1.0.0)
    package59774 (1.0.0)
    package59775 (1.0.0)
    package59776 (1.0.0)
    package59777 (1.0.0)
    package59778 (1.0.0)
    package59779 (1.0.0)
    package59780 (1.0.0)
    package59781 (1.0.0)
    package59782 (1.0.0)
    package59783 (1.0.0)
    package59784 (1.0.0)
    package59785 (1.0.0)
    package59786 (1.0.0)
    package59787 (1.0.0)
    package59788 (1.0.0)
    package59789 (1.0.0)
    package59790 (1.0.0)
    package59791 (1.0.0)
    package59792 (1.0.0)
    package59793 (1.0.0)
    package59794 (1.0.0)
    package59795 (1.0.0)
    package59796 (1.0.0)
    package59797 (1.0.0)
    package59798 (1.0.0)
    package59799 (1.0.0)
    package59800 (1.0.0)
    package59801 (1.0.0)
    package59802 (1.0.0)
    package59803 (1.0.0)
    package59804 (1.0.0)
    package59805 (1.0.0)
    package59806 (1.0.0)
    package59807 (1.0.0)
    package59808 (1.0.0)
    package59809 (1.0.0)
    package59810 (1.0.0)
    package59811 (1.0.0)
    package59812 (1.0.0)
    package59813 (1.0.0)
    package59814 (1.0.0)
    package59815 (1.0.0)
    package59816 (1.0.0)
    package59817 (1.0.0)
    package59818 (1.0.0)
    package59819 (1.0.0)
    package59820 (1.0.0)
    package59821 (1.0.0)
    package59822 (1.0.0)
    package59823 (1.0.0)
    package59824 (1.0.0)
    package59825 (1.0.0)
    package59826 (1.0.0)
    package59827 (1.0.0)
    package59828 (1.0.0)
    package59829 (1.0.0)
    package59830 (1.0.0)
    package59831 (1.0.0)
    package59832 (1.0.0)
    package59833 (1.0.0)
    package59834 (1.0.0)
    package59835 (1.0.0)
    package59836 (1.0.0)
    package59837 (1.0.0)
    package59838 (1.0.0)
    package59839 (1.0.0)
    package59840 (1.0.0)
    package59841 (1.0.0)
    package59842 (1.0.0)
    package59843 (1.0.0)
    package59844 (1.0.0)
    package59845 (1.0.0)
    package59846 (1.0.0)
    package59847 (1.0.0)
    package59848 (1.0.0)
    package59849 (1.0.0)
    package59850 (1.0.0)
    package59851 (1.0.0)
    package59852 (1.0.0)
    package59853 (1.0.0)
    package59854 (1.0.0)
    package59855 (1.0.0)
    package59856 (1.0.0)
    package59857 (1.0.0)
    package59858 (1.0.0)
    package59859 (1.0.0)
    package59860 (1.0.0)
    package59861 (1.0.0)
    package59862 (1.0.0)
    package59863 (1.0.0)
    package59864 (1.0.0)
    package59865 (1.0.0)
    package59866 (1.0.0)
    package59867 (1.0.0)
    package59868 (1.0.0)
    package59869 (1.0.0)
    package59870 (1.0.0)
    package59871 (1.0.0)
    package59872 (1.0.0)
    package59873 (1.0.0)
    package59874 (1.0.0)
    package59875 (1.0.0)
    package59876 (1.0.0)
    package59877 (1.0.0)
    package59878 (1.0.0)
    package59879 (1.0.0)
    package59880 (1.0.0)
    package59881 (1.0.0)
    package59882 (1.0.0)
    package59883 (1.0.0)
    package59884 (1.0.0)
    package59885 (1.0.0)
    package59886 (1.0.0)
    package59887 (1.0.0)
    package59888 (1.0.0)
    package59889 (1.0.0)
    package59890 (1.0.0)
    package59891 (1.0.0)
    package59892 (1.0.0)
    package59893 (1.0.0)
    package59894 (1.0.0)
    package59895 (1.0.0)
    package59896 (1.0.0)
    package59897 (1.0.0)
    package59898 (1.0.0)
    package59899 (1.0.0)
    package59900 (1.0.0)
    package59901 (1.0.0)
    package59902 (1.0.0)
    package59903 (1.0.0)
    package59904 (1.0.0)
    package59905 (1.0.0)
    package59906 (1.0.0)
    package59907 (1.0.0)
    package59908 (1.0.0)
    package59909 (1.0.0)
    package59910 (1.0.0)
    package59911 (1.0.0)
    package59912 (1.0.0)
    package59913 (1.0.0)
    package59914 (1.0.0)
    package59915 (1.0.0)
    package59916 (1.0.0)
    package59917 (1.0.0)
    package59918 (1.0.0)
    package59919 (1.0.0)
    package59920 (1.0.0)
    package59921 (1.0.0)
    package59922 (1.0.0)
    package59923 (1.0.0)
    package59924 (1.0.0)
    package59925 (1.0.0)
    package59926 (1.0.0)
    package59927 (1.0.0)
    package59928 (1.0.0)
    package59929 (1.0.0)
    package59930 (1.0.0)
    package59931 (1.0.0)
    package59932 (1.0.0)
    package59933 (1.0.0)
    package59934 (1.0.0)
    package59935 (1.0.0)
    package59936 (1.0.0)
    package59937 (1.0.0)
    package59938 (1.0.0)
    package59939 (1.0.0)
    package59940 (1.0.0)
    package59941 (1.0.0)
    package59942 (1.0.0)
    package59943 (1.0.0)
    package59944 (1.0.0)
    package59945 (1.0.0)
    package59946 (1.0.0)
    package59947 (1.0.0)
    package59948 (1.0.0)
    package59949 (1.0.0)
    package59950 (1.0.0)
    package59951 (1.0.0)
    package59952 (1.0.0)
    package59953 (1.0.0)
    package59954 (1.0.0)
    package59955 (1.0.0)
    package59956 (1.0.0)
    package59957 (1.0.0)
    package59958 (1.0.0)
    package59959 (1.0.0)
    package59960 (1.0.0)
    package59961 (1.0.0)
    package59962 (1.0.0)
    package59963 (1.0.0)
    package59964 (1.0.0)
    package59965 (1.0.0)
    package59966 (1.0.0)
    package59967 (1.0.0)
    package59968 (1.0.0)
    package59969 (1.0.0)
    package59970 (1.0.0)
    package59971 (1.0.0)
    package59972 (1.0.0)
    package59973 (1.0.0)
    package59974 (1.0.0)
    package59975 (1.0.0)
    package59976 (1.0.0)
    package59977 (1.0.0)
    package59978 (1.0.0)
    package59979 (1.0.0)
    package59980 (1.0.0)
    package59981 (1.0.0)
    package59982 (1.0.0)
    package59983 (1.0.0)
    package59984 (1.0.0)
    package59985 (1.0.0)
    package59986 (1.0.0)
    package59987 (1.0.0)
    package59988 (1.0.0)
    package59989 (1.0.0)
    package59990 (1.0.0)
    package59991 (1.0.0)
    package59992 (1.0.0)
    package59993 (1.0.0)
    package59994 (1.0.0)
    package59995 (1.0.0)
    package59996 (1.0.0)
    package59997 (1.0.0)
    package59998 (1.0.0)
    package59999 (1.0.0)
    package60000 (1.0.0)
    package60001 (1.0.0)
    package60002 (1.0.0)
    package60003 (1.0.0)
    package60004 (1.0.0)
    package60005 (1.0.0)
    package60006 (1.0.0)
    package60007 (1.0.0)
    package60008 (1.0.0)
    package60009 (1.0.0)
    package60010 (1.0.0)
    package60011 (1.0.0)
    package60012 (1.0.0)
    package60013 (1.0.0)
    package60014 (1.0.0)
    package60015 (1.0.0)
    package60016 (1.0.0)
    package60017 (1.0.0)
    package60018 (1.0.0)
    package60019 (1.0.0)
    package60020 (1.0.0)
    package60021 (1.0.0)
    package60022 (1.0.0)
    package60023 (1.0.0)
    package60024 (1.0.0)
    package60025 (1.0.0)
    package60026 (1.0.0)
    package60027 (1.0.0)
    package60028 (1.0.0)
    package60029 (1.0.0)
    package60030 (1.0.0)
    package60031 (1.0.0)
    package60032 (1.0.0)
    package60033 (1.0.0)
    package60034 (1.0.0)
    package60035 (1.0.0)
    package60036 (1.0.0)
    package60037 (1.0.0)
    package60038 (1.0.0)
    package60039 (1.0.0)
    package60040 (1.0.0)
    package60041 (1.0.0)
    package60042 (1.0.0)
    package60043 (1.0.0)
    package60044 (1.0.0)
    package60045 (1.0.0)
    package60046 (1.0.0)
    package60047 (1.0.0)
    package60048 (1.0.0)
    package60049 (1.0.0)
    package60050 (1.0.0)
    package60051 (1.0.0)
    package60052 (1.0.0)
    package60053 (1.0.0)
    package60054 (1.0.0)
    package60055 (1.0.0)
    package60056 (1.0.0)
    package60057 (1.0.0)
    package60058 (1.0.0)
    package60059 (1.0.0)
    package60060 (1.0.0)
    package60061 (1.0.0)
    package60062 (1.0.0)
    package60063 (1.0.0)
    package60064 (1.0.0)
    package60065 (1.0.0)
    package60066 (1.0.0)
    package60067 (1.0.0)
    package60068 (1.0.0)
    package60069 (1.0.0)
    package60070 (1.0.0)
    package60071 (1.0.0)
    package60072 (1.0.0)
    package60073 (1.0.0)
    package60074 (1.0.0)
    package60075 (1.0.0)
    package60076 (1.0.0)
    package60077 (1.0.0)
    package60078 (1.0.0)
    package60079 (1.0.0)
    package60080 (1.0.0)
    package60081 (1.0.0)
    package60082 (1.0.0)
    package60083 (1.0.0)
    package60084 (1.0.0)
    package60085 (1.0.0)
    package60086 (1.0.0)
    package60087 (1.0.0)
    package60088 (1.0.0)
    package60089 (1.0.0)
    package60090 (1.0.0)
    package60091 (1.0.0)
    package60092 (1.0.0)
    package60093 (1.0.0)
    package60094 (1.0.0)
    package60095 (1.0.0)
    package60096 (1.0.0)
    package60097 (1.0.0)
    package60098 (1.0.0)
    package60099 (1.0.0)
    package60100 (1.0.0)
    package60101 (1.0.0)
    package60102 (1.0.0)
    package60103 (1.0.0)
    package60104 (1.0.0)
    package60105 (1.0.0)
    package60106 (1.0.0)
    package60107 (1.0.0)
    package60108 (1.0.0)
    package60109 (1.0.0)
    package60110 (1.0.0)
    package60111 (1.0.0)
    package60112 (1.0.0)
    package60113 (1.0.0)
    package60114 (1.0.0)
    package60115 (1.0.0)
    package60116 (1.0.0)
    package60117 (1.0.0)
    package60118 (1.0.0)
    package60119 (1.0.0)
    package60120 (1.0.0)
    package60121 (1.0.0)
    package60122 (1.0.0)
    package60123 (1.0.0)
    package60124 (1.0.0)
    package60125 (1.0.0)
    package60126 (1.0.0)
    package60127 (1.0.0)
    package60128 (1.0.0)
    package60129 (1.0.0)
    package60130 (1.0.0)
    package60131 (1.0.0)
    package60132 (1.0.0)
    package60133 (1.0.0)
    package60134 (1.0.0)
    package60135 (1.0.0)
    package60136 (1.0.0)
    package60137 (1.0.0)
    package60138 (1.0.0)
    package60139 (1.0.0)
    package60140 (1.0.0)
    package60141 (1.0.0)
    package60142 (1.0.0)
    package60143 (1.0.0)
    package60144 (1.0.0)
    package60145 (1.0.0)
    package60146 (1.0.0)
    package60147 (1.0.0)
    package60148 (1.0.0)
    package60149 (1.0.0)
    package60150 (1.0.0)
    package60151 (1.0.0)
    package60152 (1.0.0)
    package60153 (1.0.0)
    package60154 (1.0.0)
    package60155 (1.0.0)
    package60156 (1.0.0)
    package60157 (1.0.0)
    package60158 (1.0.0)
    package60159 (1.0.0)
    package60160 (1.0.0)
    package60161 (1.0.0)
    package60162 (1.0.0)
    package60163 (1.0.0)
    package60164 (1.0.0)
    package60165 (1.0.0)
    package60166 (1.0.0)
    package60167 (1.0.0)
    package60168 (1.0.0)
    package60169 (1.0.0)
    package60170 (1.0.0)
    package60171 (1.0.0)
    package60172 (1.0.0)
    package60173 (1.0.0)
    package60174 (1.0.0)
    package60175 (1.0.0)
    package60176 (1.0.0)
    package60177 (1.0.0)
    package60178 (1.0.0)
    package60179 (1.0.0)
    package60180 (1.0.0)
    package60181 (1.0.0)
    package60182 (1.0.0)
    package60183 (1.0.0)
    package60184 (1.0.0)
    package60185 (1.0.0)
    package60186 (1.0.0)
    package60187 (1.0.0)
    package60188 (1.0.0)
    package60189 (1.0.0)
    package60190 (1.0.0)
    package60191 (1.0.0)
    package60192 (1.0.0)
    package60193 (1.0.0)
    package60194 (1.0.0)
    package60195 (1.0.0)
    package60196 (1.0.0)
    package60197 (1.0.0)
    package60198 (1.0.0)
    package60199 (1.0.0)
    package60200 (1.0.0)
    package60201 (1.0.0)
    package60202 (1.0.0)
    package60203 (1.0.0)
    package60204 (1.0.0)
    package60205 (1.0.0)
    package60206 (1.0.0)
    package60207 (1.0.0)
    package60208 (1.0.0)
    package60209 (1.0.0)
    package60210 (1.0.0)
    package60211 (1.0.0)
    package60212 (1.0.0)
    package60213 (1.0.0)
    package60214 (1.0.0)
    package60215 (1.0.0)
    package60216 (1.0.0)
    package60217 (1.0.0)
    package60218 (1.0.0)
    package60219 (1.0.0)
    package60220 (1.0.0)
    package60221 (1.0.0)
    package60222 (1.0.0)
    package60223 (1.0.0)
    package60224 (1.0.0)
    package60225 (1.0.0)
    package60226 (1.0.0)
    package60227 (1.0.0)
    package60228 (1.0.0)
    package60229 (1.0.0)
    package60230 (1.0.0)
    package60231 (1.0.0)
    package60232 (1.0.0)
    package60233 (1.0.0)
    package60234 (1.0.0)
    package60235 (1.0.0)
    package60236 (1.0.0)
    package60237 (1.0.0)
    package60238 (1.0.0)
    package60239 (1.0.0)
    package60240 (1.0.0)
    package60241 (1.0.0)
    package60242 (1.0.0)
    package60243 (1.0.0)
    package60244 (1.0.0)
    package60245 (1.0.0)
    package60246 (1.0.0)
    package60247 (1.0.0)
    package60248 (1.0.0)
    package60249 (1.0.0)
    package60250 (1.0.0)
    package60251 (1.0.0)
    package60252 (1.0.0)
    package60253 (1.0.0)
    package60254 (1.0.0)
    package60255 (1.0.0)
    package60256 (1.0.0)
    package60257 (1.0.0)
    package60258 (1.0.0)
    package60259 (1.0.0)
    package60260 (1.0.0)
    package60261 (1.0.0)
    package60262 (1.0.0)
    package60263 (1.0.0)
    package60264 (1.0.0)
    package60265 (1.0.0)
    package60266 (1.0.0)
    package60267 (1.0.0)
    package60268 (1.0.0)
    package60269 (1.0.0)
    package60270 (1.0.0)
    package60271 (1.0.0)
    package60272 (1.0.0)
    package60273 (1.0.0)
    package60274 (1.0.0)
    package60275 (1.0.0)
    package60276 (1.0.0)
    package60277 (1.0.0)
    package60278 (1.0.0)
    package60279 (1.0.0)
    package60280 (1.0.0)
    package60281 (1.0.0)
    package60282 (1.0.0)
    package60283 (1.0.0)
    package60284 (1.0.0)
    package60285 (1.0.0)
    package60286 (1.0.0)
    package60287 (1.0.0)
    package60288 (1.0.0)
    package60289 (1.0.0)
    package60290 (1.0.0)
    package60291 (1.0.0)
    package60292 (1.0.0)
    package60293 (1.0.0)
    package60294 (1.0.0)
    package60295 (1.0.0)
    package60296 (1.0.0)
    package60297 (1.0.0)
    package60298 (1.0.0)
    package60299 (1.0.0)
    package60300 (1.0.0)
    package60301 (1.0.0)
    package60302 (1.0.0)
    package60303 (1.0.0)
    package60304 (1.0.0)
    package60305 (1.0.0)
    package60306 (1.0.0)
    package60307 (1.0.0)
    package60308 (1.0.0)
    package60309 (1.0.0)
    package60310 (1.0.0)
    package60311 (1.0.0)
    package60312 (1.0.0)
    package60313 (1.0.0)
    package60314 (1.0.0)
    package60315 (1.0.0)
    package60316 (1.0.0)
    package60317 (1.0.0)
    package60318 (1.0.0)
    package60319 (1.0.0)
    package60320 (1.0.0)
    package60321 (1.0.0)
    package60322 (1.0.0)
    package60323 (1.0.0)
    package60324 (1.0.0)
    package60325 (1.0.0)
    package60326 (1.0.0)
    package60327 (1.0.0)
    package60328 (1.0.0)
    package60329 (1.0.0)
    package60330 (1.0.0)
    package60331 (1.0.0)
    package60332 (1.0.0)
    package60333 (1.0.0)
    package60334 (1.0.0)
    package60335 (1.0.0)
    package60336 (1.0.0)
    package60337 (1.0.0)
    package60338 (1.0.0)
    package60339 (1.0.0)
    package60340 (1.0.0)
    package60341 (1.0.0)
    package60342 (1.0.0)
    package60343 (1.0.0)
    package60344 (1.0.0)
    package60345 (1.0.0)
    package60346 (1.0.0)
    package60347 (1.0.0)
    package60348 (1.0.0)
    package60349 (1.0.0)
    package60350 (1.0.0)
    package60351 (1.0.0)
    package60352 (1.0.0)
    package60353 (1.0.0)
    package60354 (1.0.0)
    package60355 (1.0.0)
    package60356 (1.0.0)
    package60357 (1.0.0)
    package60358 (1.0.0)
    package60359 (1.0.0)
    package60360 (1.0.0)
    package60361 (1.0.0)
    package60362 (1.0.0)
    package60363 (1.0.0)
    package60364 (1.0.0)
    package60365 (1.0.0)
    package60366 (1.0.0)
    package60367 (1.0.0)
    package60368 (1.0.0)
    package60369 (1.0.0)
    package60370 (1.0.0)
    package60371 (1.0.0)
    package60372 (1.0.0)
    package60373 (1.0.0)
    package60374 (1.0.0)
    package60375 (1.0.0)
    package60376 (1.0.0)
    package60377 (1.0.0)
    package60378 (1.0.0)
    package60379 (1.0.0)
    package60380 (1.0.0)
    package60381 (1.0.0)
    package60382 (1.0.0)
    package60383 (1.0.0)
    package60384 (1.0.0)
    package60385 (1.0.0)
    package60386 (1.0.0)
    package60387 (1.0.0)
    package60388 (1.0.0)
    package60389 (1.0.0)
    package60390 (1.0.0)
    package60391 (1.0.0)
    package60392 (1.0.0)
    package60393 (1.0.0)
    package60394 (1.0.0)
    package60395 (1.0.0)
    package60396 (1.0.0)
    package60397 (1.0.0)
    package60398 (1.0.0)
    package60399 (1.0.0)
    package60400 (1.0.0)
    package60401 (1.0.0)
    package60402 (1.0.0)
    package60403 (1.0.0)
    package60404 (1.0.0)
    package60405 (1.0.0)
    package60406 (1.0.0)
    package60407 (1.0.0)
    package60408 (1.0.0)
    package60409 (1.0.0)
    package60410 (1.0.0)
    package60411 (1.0.0)
    package60412 (1.0.0)
    package60413 (1.0.0)
    package60414 (1.0.0)
    package60415 (1.0.0)
    package60416 (1.0.0)
    package60417 (1.0.0)
    package60418 (1.0.0)
    package60419 (1.0.0)
    package60420 (1.0.0)
    package60421 (1.0.0)
    package60422 (1.0.0)
    package60423 (1.0.0)
    package60424 (1.0.0)
    package60425 (1.0.0)
    package60426 (1.0.0)
    package60427 (1.0.0)
    package60428 (1.0.0)
    package60429 (1.0.0)
    package60430 (1.0.0)
    package60431 (1.0.0)
    package60432 (1.0.0)
    package60433 (1.0.0)
    package60434 (1.0.0)
    package60435 (1.0.0)
    package60436 (1.0.0)
    package60437 (1.0.0)
    package60438 (1.0.0)
    package60439 (1.0.0)
    package60440 (1.0.0)
    package60441 (1.0.0)
    package60442 (1.0.0)
    package60443 (1.0.0)
    package60444 (1.0.0)
    package60445 (1.0.0)
    package60446 (1.0.0)
    package60447 (1.0.0)
    package60448 (1.0.0)
    package60449 (1.0.0)
    package60450 (1.0.0)
    package60451 (1.0.0)
    package60452 (1.0.0)
    package60453 (1.0.0)
    package60454 (1.0.0)
    package60455 (1.0.0)
    package60456 (1.0.0)
    package60457 (1.0.0)
    package60458 (1.0.0)
    package60459 (1.0.0)
    package60460 (1.0.0)
    package60461 (1.0.0)
    package60462 (1.0.0)
    package60463 (1.0.0)
    package60464 (1.0.0)
    package60465 (1.0.0)
    package60466 (1.0.0)
    package60467 (1.0.0)
    package60468 (1.0.0)
    package60469 (1.0.0)
    package60470 (1.0.0)
    package60471 (1.0.0)
    package60472 (1.0.0)
    package60473 (1.0.0)
    package60474 (1.0.0)
    package60475 (1.0.0)
    package60476 (1.0.0)
    package60477 (1.0.0)
    package60478 (1.0.0)
    package60479 (1.0.0)
    package60480 (1.0.0)
    package60481 (1.0.0)
    package60482 (1.0.0)
    package60483 (1.0.0)
    package60484 (1.0.0)
    package60485 (1.0.0)
    package60486 (1.0.0)
    package60487 (1.0.0)
    package60488 (1.0.0)
    package60489 (1.0.0)
    package60490 (1.0.0)
    package60491 (1.0.0)
    package60492 (1.0.0)
    package60493 (1.0.0)
    package60494 (1.0.0)
    package60495 (1.0.0)
    package60496 (1.0.0)
    package60497 (1.0.0)
    package60498 (1.0.0)
    package60499 (1.0.0)
    package60500 (1.0.0)
    package60501 (1.0.0)
    package60502 (1.0.0)
    package60503 (1.0.0)
    package60504 (1.0.0)
    package60505 (1.0.0)
    package60506 (1.0.0)
    package60507 (1.0.0)
    package60508 (1.0.0)
    package60509 (1.0.0)
    package60510 (1.0.0)
    package60511 (1.0.0)
    package60512 (1.0.0)
    package60513 (1.0.0)
    package60514 (1.0.0)
    package60515 (1.0.0)
    package60516 (1.0.0)
    package60517 (1.0.0)
    package60518 (1.0.0)
    package60519 (1.0.0)
    package60520 (1.0.0)
    package60521 (1.0.0)
    package60522 (1.0.0)
    package60523 (1.0.0)
    package60524 (1.0.0)
    package60525 (1.0.0)
    package60526 (1.0.0)
    package60527 (1.0.0)
    package60528 (1.0.0)
    package60529 (1.0.0)
    package60530 (1.0.0)
    package60531 (1.0.0)
    package60532 (1.0.0)
    package60533 (1.0.0)
    package60534 (1.0.0)
    package60535 (1.0.0)
    package60536 (1.0.0)
    package60537 (1.0.0)
    package60538 (1.0.0)
    package60539 (1.0.0)
    package60540 (1.0.0)
    package60541 (1.0.0)
    package60542 (1.0.0)
    package60543 (1.0.0)
    package60544 (1.0.0)
    package60545 (1.0.0)
    package60546 (1.0.0)
    package60547 (1.0.0)
    package60548 (1.0.0)
    package60549 (1.0.0)
    package60550 (1.0.0)
    package60551 (1.0.0)
    package60552 (1.0.0)
    package60553 (1.0.0)
    package60554 (1.0.0)
    package60555 (1.0.0)
    package60556 (1.0.0)
    package60557 (1.0.0)
    package60558 (1.0.0)
    package60559 (1.0.0)
    package60560 (1.0.0)
    package60561 (1.0.0)
    package60562 (1.0.0)
    package60563 (1.0.0)
    package60564 (1.0.0)
    package60565 (1.0.0)
    package60566 (1.0.0)
    package60567 (1.0.0)
    package60568 (1.0.0)
    package60569 (1.0.0)
    package60570 (1.0.0)
    package60571 (1.0.0)
    package60572 (1.0.0)
    package60573 (1.0.0)
    package60574 (1.0.0)
    package60575 (1.0.0)
    package60576 (1.0.0)
    package60577 (1.0.0)
    package60578 (1.0.0)
    package60579 (1.0.0)
    package60580 (1.0.0)
    package60581 (1.0.0)
    package60582 (1.0.0)
    package60583 (1.0.0)
    package60584 (1.0.0)
    package60585 (1.0.0)
    package60586 (1.0.0)
    package60587 (1.0.0)
    package60588 (1.0.0)
    package60589 (1.0.0)
    package60590 (1.0.0)
    package60591 (1.0.0)
    package60592 (1.0.0)
    package60593 (1.0.0)
    package60594 (1.0.0)
    package60595 (1.0.0)
    package60596 (1.0.0)
    package60597 (1.0.0)
    package60598 (1.0.0)
    package60599 (1.0.0)
    package60600 (1.0.0)
    package60601 (1.0.0)
    package60602 (1.0.0)
    package60603 (1.0.0)
    package60604 (1.0.0)
    package60605 (1.0.0)
    package60606 (1.0.0)
    package60607 (1.0.0)
    package60608 (1.0.0)
    package60609 (1.0.0)
    package60610 (1.0.0)
    package60611 (1.0.0)
    package60612 (1.0.0)
    package60613 (1.0.0)
    package60614 (1.0.0)
    package60615 (1.0.0)
    package60616 (1.0.0)
    package60617 (1.0.0)
    package60618 (1.0.0)
    package60619 (1.0.0)
    package60620 (1.0.0)
    package60621 (1.0.0)
    package60622 (1.0.0)
    package60623 (1.0.0)
    package60624 (1.0.0)
    package60625 (1.0.0)
    package60626 (1.0.0)
    package60627 (1.0.0)
    package60628 (1.0.0)
    package60629 (1.0.0)
    package60630 (1.0.0)
    package60631 (1.0.0)
    package60632 (1.0.0)
    package60633 (1.0.0)
    package60634 (1.0.0)
    package60635 (1.0.0)
    package60636 (1.0.0)
    package60637 (1.0.0)
    package60638 (1.0.0)
    package60639 (1.0.0)
    package60640 (1.0.0)
    package60641 (1.0.0)
    package60642 (1.0.0)
    package60643 (1.0.0)
    package60644 (1.0.0)
    package60645 (1.0.0)
    package60646 (1.0.0)
    package60647 (1.0.0)
    package60648 (1.0.0)
    package60649 (1.0.0)
    package60650 (1.0.0)
    package60651 (1.0.0)
    package60652 (1.0.0)
    package60653 (1.0.0)
    package60654 (1.0.0)
    package60655 (1.0.0)
    package60656 (1.0.0)
    package60657 (1.0.0)
    package60658 (1.0.0)
    package60659 (1.0.0)
    package60660 (1.0.0)
    package60661 (1.0.0)
    package60662 (1.0.0)
    package60663 (1.0.0)
    package60664 (1.0.0)
    package60665 (1.0.0)
    package60666 (1.0.0)
    package60667 (1.0.0)
    package60668 (1.0.0)
    package60669 (1.0.0)
    package60670 (1.0.0)
    package60671 (1.0.0)
    package60672 (1.0.0)
    package60673 (1.0.0)
    package60674 (1.0.0)
    package60675 (1.0.0)
    package60676 (1.0.0)
    package60677 (1.0.0)
    package60678 (1.0.0)
    package60679 (1.0.0)
    package60680 (1.0.0)
    package60681 (1.0.0)
    package60682 (1.0.0)
    package60683 (1.0.0)
    package60684 (1.0.0)
    package60685 (1.0.0)
    package60686 (1.0.0)
    package60687 (1.0.0)
    package60688 (1.0.0)
    package60689 (1.0.0)
    package60690 (1.0.0)
    package60691 (1.0.0)
    package60692 (1.0.0)
    package60693 (1.0.0)
    package60694 (1.0.0)
    package60695 (1.0.0)
    package60696 (1.0.0)
    package60697 (1.0.0)
    package60698 (1.0.0)
    package60699 (1.0.0)
    package60700 (1.0.0)
    package60701 (1.0.0)
    package60702 (1.0.0)
    package60703 (1.0.0)
    package60704 (1.0.0)
    package60705 (1.0.0)
    package60706 (1.0.0)
    package60707 (1.0.0)
    package60708 (1.0.0)
    package60709 (1.0.0)
    package60710 (1.0.0)
    package60711 (1.0.0)
    package60712 (1.0.0)
    package60713 (1.0.0)
    package60714 (1.0.0)
    package60715 (1.0.0)
    package60716 (1.0.0)
    package60717 (1.0.0)
    package60718 (1.0.0)
    package60719 (1.0.0)
    package60720 (1.0.0)
    package60721 (1.0.0)
    package60722 (1.0.0)
    package60723 (1.0.0)
    package60724 (1.0.0)
    package60725 (1.0.0)
    package60726 (1.0.0)
    package60727 (1.0.0)
    package60728 (1.0.0)
    package60729 (1.0.0)
    package60730 (1.0.0)
    package60731 (1.0.0)
    package60732 (1.0.0)
    package60733 (1.0.0)
    package60734 (1.0.0)
    package60735 (1.0.0)
    package60736 (1.0.0)
    package60737 (1.0.0)
    package60738 (1.0.0)
    package60739 (1.0.0)
    package60740 (1.0.0)
    package60741 (1.0.0)
    package60742 (1.0.0)
    package60743 (1.0.0)
    package60744 (1.0.0)
    package60745 (1.0.0)
    package60746 (1.0.0)
    package60747 (1.0.0)
    package60748 (1.0.0)
    package60749 (1.0.0)
    package60750 (1.0.0)
    package60751 (1.0.0)
    package60752 (1.0.0)
    package60753 (1.0.0)
    package60754 (1.0.0)
    package60755 (1.0.0)
    package60756 (1.0.0)
    package60757 (1.0.0)
    package60758 (1.0.0)
    package60759 (1.0.0)
    package60760 (1.0.0)
    package60761 (1.0.0)
    package60762 (1.0.0)
    package60763 (1.0.0)
    package60764 (1.0.0)
    package60765 (1.0.0)
    package60766 (1.0.0)
    package60767 (1.0.0)
    package60768 (1.0.0)
    package60769 (1.0.0)
    package60770 (1.0.0)
    package60771 (1.0.0)
    package60772 (1.0.0)
    package60773 (1.0.0)
    package60774 (1.0.0)
    package60775 (1.0.0)
    package60776 (1.0.0)
    package60777 (1.0.0)
    package60778 (1.0.0)
    package60779 (1.0.0)
    package60780 (1.0.0)
    package60781 (1.0.0)
    package60782 (1.0.0)
    package60783 (1.0.0)
    package60784 (1.0.0)
    package60785 (1.0.0)
    package60786 (1.0.0)
    package60787 (1.0.0)
    package60788 (1.0.0)
    package60789 (1.0.0)
    package60790 (1.0.0)
    package60791 (1.0.0)
    package60792 (1.0.0)
    package60793 (1.0.0)
    package60794 (1.0.0)
    package60795 (1.0.0)
    package60796 (1.0.0)
    package60797 (1.0.0)
    package60798 (1.0.0)
    package60799 (1.0.0)
    package60800 (1.0.0)
    package60801 (1.0.0)
    package60802 (1.0.0)
    package60803 (1.0.0)
    package60804 (1.0.0)
    package60805 (1.0.0)
    package60806 (1.0.0)
    package60807 (1.0.0)
    package60808 (1.0.0)
    package60809 (1.0.0)
    package60810 (1.0.0)
    package60811 (1.0.0)
    package60812 (1.0.0)
    package60813 (1.0.0)
    package60814 (1.0.0)
    package60815 (1.0.0)
    package60816 (1.0.0)
    package60817 (1.0.0)
    package60818 (1.0.0)
    package60819 (1.0.0)
    package60820 (1.0.0)
    package60821 (1.0.0)
    package60822 (1.0.0)
    package60823 (1.0.0)
    package60824 (1.0.0)
    package60825 (1.0.0)
    package60826 (1.0.0)
    package60827 (1.0.0)
    package60828 (1.0.0)
    package60829 (1.0.0)
    package60830 (1.0.0)
    package60831 (1.0.0)
    package60832 (1.0.0)
    package60833 (1.0.0)
    package60834 (1.0.0)
    package60835 (1.0.0)
    package60836 (1.0.0)
    package60837 (1.0.0)
    package60838 (1.0.0)
    package60839 (1.0.0)
    package60840 (1.0.0)
    package60841 (1.0.0)
    package60842 (1.0.0)
    package60843 (1.0.0)
    package60844 (1.0.0)
    package60845 (1.0.0)
    package60846 (1.0.0)
    package60847 (1.0.0)
    package60848 (1.0.0)
    package60849 (1.0.0)
    package60850 (1.0.0)
    package60851 (1.0.0)
    package60852 (1.0.0)
    package60853 (1.0.0)
    package60854 (1.0.0)
    package60855 (1.0.0)
    package60856 (1.0.0)
    package60857 (1.0.0)
    package60858 (1.0.0)
    package60859 (1.0.0)
    package60860 (1.0.0)
    package60861 (1.0.0)
    package60862 (1.0.0)
    package60863 (1.0.0)
    package60864 (1.0.0)
    package60865 (1.0.0)
    package60866 (1.0.0)
    package60867 (1.0.0)
    package60868 (1.0.0)
    package60869 (1.0.0)
    package60870 (1.0.0)
    package60871 (1.0.0)
    package60872 (1.0.0)
    package60873 (1.0.0)
    package60874 (1.0.0)
    package60875 (1.0.0)
    package60876 (1.0.0)
    package60877 (1.0.0)
    package60878 (1.0.0)
    package60879 (1.0.0)
    package60880 (1.0.0)
    package60881 (1.0.0)
    package60882 (1.0.0)
    package60883 (1.0.0)
    package60884 (1.0.0)
    package60885 (1.0.0)
    package60886 (1.0.0)
    package60887 (1.0.0)
    package60888 (1.0.0)
    package60889 (1.0.0)
    package60890 (1.0.0)
    package60891 (1.0.0)
    package60892 (1.0.0)
    package60893 (1.0.0)
    package60894 (1.0.0)
    package60895 (1.0.0)
    package60896 (1.0.0)
    package60897 (1.0.0)
    package60898 (1.0.0)
    package60899 (1.0.0)
    package60900 (1.0.0)
    package60901 (1.0.0)
    package60902 (1.0.0)
    package60903 (1.0.0)
    package60904 (1.0.0)
    package60905 (1.0.0)
    package60906 (1.0.0)
    package60907 (1.0.0)
    package60908 (1.0.0)
    package60909 (1.0.0)
    package60910 (1.0.0)
    package60911 (1.0.0)
    package60912 (1.0.0)
    package60913 (1.0.0)
    package60914 (1.0.0)
    package60915 (1.0.0)
    package60916 (1.0.0)
    package60917 (1.0.0)
    package60918 (1.0.0)
    package60919 (1.0.0)
    package60920 (1.0.0)
    package60921 (1.0.0)
    package60922 (1.0.0)
    package60923 (1.0.0)
    package60924 (1.0.0)
    package60925 (1.0.0)
    package60926 (1.0.0)
    package60927 (1.0.0)
    package60928 (1.0.0)
    package60929 (1.0.0)
    package60930 (1.0.0)
    package60931 (1.0.0)
    package60932 (1.0.0)
    package60933 (1.0.0)
    package60934 (1.0.0)
    package60935 (1.0.0)
    package60936 (1.0.0)
    package60937 (1.0.0)
    package60938 (1.0.0)
    package60939 (1.0.0)
    package60940 (1.0.0)
    package60941 (1.0.0)
    package60942 (1.0.0)
    package60943 (1.0.0)
    package60944 (1.0.0)
    package60945 (1.0.0)
    package60946 (1.0.0)
    package60947 (1.0.0)
    package60948 (1.0.0)
    package60949 (1.0.0)
    package60950 (1.0.0)
    package60951 (1.0.0)
    package60952 (1.0.0)
    package60953 (1.0.0)
    package60954 (1.0.0)
    package60955 (1.0.0)
    package60956 (1.0.0)
    package60957 (1.0.0)
    package60958 (1.0.0)
    package60959 (1.0.0)
    package60960 (1.0.0)
    package60961 (1.0.0)
    package60962 (1.0.0)
    package60963 (1.0.0)
    package60964 (1.0.0)
    package60965 (1.0.0)
    package60966 (1.0.0)
    package60967 (1.0.0)
    package60968 (1.0.0)
    package60969 (1.0.0)
    package60970 (1.0.0)
    package60971 (1.0.0)
    package60972 (1.0.0)
    package60973 (1.0.0)
    package60974 (1.0.0)
    package60975 (1.0.0)
    package60976 (1.0.0)
    package60977 (1.0.0)
    package60978 (1.0.0)
    package60979 (1.0.0)
    package60980 (1.0.0)
    package60981 (1.0.0)
    package60982 (1.0.0)
    package60983 (1.0.0)
    package60984 (1.0.0)
    package60985 (1.0.0)
    package60986 (1.0.0)
    package60987 (1.0.0)
    package60988 (1.0.0)
    package60989 (1.0.0)
    package60990 (1.0.0)
    package60991 (1.0.0)
    package60992 (1.0.0)
    package60993 (1.0.0)
    package60994 (1.0.0)
    package60995 (1.0.0)
    package60996 (1.0.0)
    package60997 (1.0.0)
    package60998 (1.0.0)
    package60999 (1.0.0)
    package61000 (1.0.0)
    package61001 (1.0.0)
    package61002 (1.0.0)
    package61003 (1.0.0)
    package61004 (1.0.0)
    package61005 (1.0.0)
    package61006 (1.0.0)
    package61007 (1.0.0)
    package61008 (1.0.0)
    package61009 (1.0.0)
    package61010 (1.0.0)
    package61011 (1.0.0)
    package61012 (1.0.0)
    package61013 (1.0.0)
    package61014 (1.0.0)
    package61015 (1.0.0)
    package61016 (1.0.0)
    package61017 (1.0.0)
    package61018 (1.0.0)
    package61019 (1.0.0)
    package61020 (1.0.0)
    package61021 (1.0.0)
    package61022 (1.0.0)
    package61023 (1.0.0)
    package61024 (1.0.0)
    package61025 (1.0.0)
    package61026 (1.0.0)
    package61027 (1.0.0)
    package61028 (1.0.0)
    package61029 (1.0.0)
    package61030 (1.0.0)
    package61031 (1.0.0)
    package61032 (1.0.0)
    package61033 (1.0.0)
    package61034 (1.0.0)
    package61035 (1.0.0)
    package61036 (1.0.0)
    package61037 (1.0.0)
    package61038 (1.0.0)
    package61039 (1.0.0)
    package61040 (1.0.0)
    package61041 (1.0.0)
    package61042 (1.0.0)
    package61043 (1.0.0)
    package61044 (1.0.0)
    package61045 (1.0.0)
    package61046 (1.0.0)
    package61047 (1.0.0)
    package61048 (1.0.0)
    package61049 (1.0.0)
    package61050 (1.0.0)
    package61051 (1.0.0)
    package61052 (1.0.0)
    package61053 (1.0.0)
    package61054 (1.0.0)
    package61055 (1.0.0)
    package61056 (1.0.0)
    package61057 (1.0.0)
    package61058 (1.0.0)
    package61059 (1.0.0)
    package61060 (1.0.0)
    package61061 (1.0.0)
    package61062 (1.0.0)
    package61063 (1.0.0)
    package61064 (1.0.0)
    package61065 (1.0.0)
    package61066 (1.0.0)
    package61067 (1.0.0)
    package61068 (1.0.0)
    package61069 (1.0.0)
    package61070 (1.0.0)
    package61071 (1.0.0)
    package61072 (1.0.0)
    package61073 (1.0.0)
    package61074 (1.0.0)
    package61075 (1.0.0)
    package61076 (1.0.0)
    package61077 (1.0.0)
    package61078 (1.0.0)
    package61079 (1.0.0)
    package61080 (1.0.0)
    package61081 (1.0.0)
    package61082 (1.0.0)
    package61083 (1.0.0)
    package61084 (1.0.0)
    package61085 (1.0.0)
    package61086 (1.0.0)
    package61087 (1.0.0)
    package61088 (1.0.0)
    package61089 (1.0.0)
    package61090 (1.0.0)
    package61091 (1.0.0)
    package61092 (1.0.0)
    package61093 (1.0.0)
    package61094 (1.0.0)
    package61095 (1.0.0)
    package61096 (1.0.0)
    package61097 (1.0.0)
    package61098 (1.0.0)
    package61099 (1.0.0)
    package61100 (1.0.0)
    package61101 (1.0.0)
    package61102 (1.0.0)
    package61103 (1.0.0)
    package61104 (1.0.0)
    package61105 (1.0.0)
    package61106 (1.0.0)
    package61107 (1.0.0)
    package61108 (1.0.0)
    package61109 (1.0.0)
    package61110 (1.0.0)
    package61111 (1.0.0)
    package61112 (1.0.0)
    package61113 (1.0.0)
    package61114 (1.0.0)
    package61115 (1.0.0)
    package61116 (1.0.0)
    package61117 (1.0.0)
    package61118 (1.0.0)
    package61119 (1.0.0)
    package61120 (1.0.0)
    package61121 (1.0.0)
    package61122 (1.0.0)
    package61123 (1.0.0)
    package61124 (1.0.0)
    package61125 (1.0.0)
    package61126 (1.0.0)
    package61127 (1.0.0)
    package61128 (1.0.0)
    package61129 (1.0.0)
    package61130 (1.0.0)
    package61131 (1.0.0)
    package61132 (1.0.0)
    package61133 (1.0.0)
    package61134 (1.0.0)
    package61135 (1.0.0)
    package61136 (1.0.0)
    package61137 (1.0.0)
    package61138 (1.0.0)
    package61139 (1.0.0)
    package61140 (1.0.0)
    package61141 (1.0.0)
    package61142 (1.0.0)
    package61143 (1.0.0)
    package61144 (1.0.0)
    package61145 (1.0.0)
    package61146 (1.0.0)
    package61147 (1.0.0)
    package61148 (1.0.0)
    package61149 (1.0.0)
    package61150 (1.0.0)
    package61151 (1.0.0)
    package61152 (1.0.0)
    package61153 (1.0.0)
    package61154 (1.0.0)
    package61155 (1.0.0)
    package61156 (1.0.0)
    package61157 (1.0.0)
    package61158 (1.0.0)
    package61159 (1.0.0)
    package61160 (1.0.0)
    package61161 (1.0.0)
    package61162 (1.0.0)
    package61163 (1.0.0)
    package61164 (1.0.0)
    package61165 (1.0.0)
    package61166 (1.0.0)
    package61167 (1.0.0)
    package61168 (1.0.0)
    package61169 (1.0.0)
    package61170 (1.0.0)
    package61171 (1.0.0)
    package61172 (1.0.0)
    package61173 (1.0.0)
    package61174 (1.0.0)
    package61175 (1.0.0)
    package61176 (1.0.0)
    package61177 (1.0.0)
    package61178 (1.0.0)
    package61179 (1.0.0)
    package61180 (1.0.0)
    package61181 (1.0.0)
    package61182 (1.0.0)
    package61183 (1.0.0)
    package61184 (1.0.0)
    package61185 (1.0.0)
    package61186 (1.0.0)
    package61187 (1.0.0)
    package61188 (1.0.0)
    package61189 (1.0.0)
    package61190 (1.0.0)
    package61191 (1.0.0)
    package61192 (1.0.0)
    package61193 (1.0.0)
    package61194 (1.0.0)
    package61195 (1.0.0)
    package61196 (1.0.0)
    package61197 (1.0.0)
    package61198 (1.0.0)
    package61199 (1.0.0)
    package61200 (1.0.0)
    package61201 (1.0.0)
    package61202 (1.0.0)
    package61203 (1.0.0)
    package61204 (1.0.0)
    package61205 (1.0.0)
    package61206 (1.0.0)
    package61207 (1.0.0)
    package61208 (1.0.0)
    package61209 (1.0.0)
    package61210 (1.0.0)
    package61211 (1.0.0)
    package61212 (1.0.0)
    package61213 (1.0.0)
    package61214 (1.0.0)
    package61215 (1.0.0)
    package61216 (1.0.0)
    package61217 (1.0.0)
    package61218 (1.0.0)
    package61219 (1.0.0)
    package61220 (1.0.0)
    package61221 (1.0.0)
    package61222 (1.0.0)
    package61223 (1.0.0)
    package61224 (1.0.0)
    package61225 (1.0.0)
    package61226 (1.0.0)
    package61227 (1.0.0)
    package61228 (1.0.0)
    package61229 (1.0.0)
    package61230 (1.0.0)
    package61231 (1.0.0)
    package61232 (1.0.0)
    package61233 (1.0.0)
    package61234 (1.0.0)
    package61235 (1.0.0)
    package61236 (1.0.0)
    package61237 (1.0.0)
    package61238 (1.0.0)
    package61239 (1.0.0)
    package61240 (1.0.0)
    package61241 (1.0.0)
    package61242 (1.0.0)
    package61243 (1.0.0)
    package61244 (1.0.0)
    package61245 (1.0.0)
    package61246 (1.0.0)
    package61247 (1.0.0)
    package61248 (1.0.0)
    package61249 (1.0.0)
    package61250 (1.0.0)
    package61251 (1.0.0)
    package61252 (1.0.0)
    package61253 (1.0.0)
    package61254 (1.0.0)
    package61255 (1.0.0)
    package61256 (1.0.0)
    package61257 (1.0.0)
    package61258 (1.0.0)
    package61259 (1.0.0)
    package61260 (1.0.0)
    package61261 (1.0.0)
    package61262 (1.0.0)
    package61263 (1.0.0)
    package61264 (1.0.0)
    package61265 (1.0.0)
    package61266 (1.0.0)
    package61267 (1.0.0)
    package61268 (1.0.0)
    package61269 (1.0.0)
    package61270 (1.0.0)
    package61271 (1.0.0)
    package61272 (1.0.0)
    package61273 (1.0.0)
    package61274 (1.0.0)
    package61275 (1.0.0)
    package61276 (1.0.0)
    package61277 (1.0.0)
    package61278 (1.0.0)
    package61279 (1.0.0)
    package61280 (1.0.0)
    package61281 (1.0.0)
    package61282 (1.0.0)
    package61283 (1.0.0)
    package61284 (1.0.0)
    package61285 (1.0.0)
    package61286 (1.0.0)
    package61287 (1.0.0)
    package61288 (1.0.0)
    package61289 (1.0.0)
    package61290 (1.0.0)
    package61291 (1.0.0)
    package61292 (1.0.0)
    package61293 (1.0.0)
    package61294 (1.0.0)
    package61295 (1.0.0)
    package61296 (1.0.0)
    package61297 (1.0.0)
    package61298 (1.0.0)
    package61299 (1.0.0)
    package61300 (1.0.0)
    package61301 (1.0.0)
    package61302 (1.0.0)
    package61303 (1.0.0)
    package61304 (1.0.0)
    package61305 (1.0.0)
    package61306 (1.0.0)
    package61307 (1.0.0)
    package61308 (1.0.0)
    package61309 (1.0.0)
    package61310 (1.0.0)
    package61311 (1.0.0)
    package61312 (1.0.0)
    package61313 (1.0.0)
    package61314 (1.0.0)
    package61315 (1.0.0)
    package61316 (1.0.0)
    package61317 (1.0.0)
    package61318 (1.0.0)
    package61319 (1.0.0)
    package61320 (1.0.0)
    package61321 (1.0.0)
    package61322 (1.0.0)
    package61323 (1.0.0)
    package61324 (1.0.0)
    package61325 (1.0.0)
    package61326 (1.0.0)
    package61327 (1.0.0)
    package61328 (1.0.0)
    package61329 (1.0.0)
    package61330 (1.0.0)
    package61331 (1.0.0)
    package61332 (1.0.0)
    package61333 (1.0.0)
    package61334 (1.0.0)
    package61335 (1.0.0)
    package61336 (1.0.0)
    package61337 (1.0.0)
    package61338 (1.0.0)
    package61339 (1.0.0)
    package61340 (1.0.0)
    package61341 (1.0.0)
    package61342 (1.0.0)
    package61343 (1.0.0)
    package61344 (1.0.0)
    package61345 (1.0.0)
    package61346 (1.0.0)
    package61347 (1.0.0)
    package61348 (1.0.0)
    package61349 (1.0.0)
    package61350 (1.0.0)
    package61351 (1.0.0)
    package61352 (1.0.0)
    package61353 (1.0.0)
    package61354 (1.0.0)
    package61355 (1.0.0)
    package61356 (1.0.0)
    package61357 (1.0.0)
    package61358 (1.0.0)
    package61359 (1.0.0)
    package61360 (1.0.0)
    package61361 (1.0.0)
    package61362 (1.0.0)
    package61363 (1.0.0)
    package61364 (1.0.0)
    package61365 (1.0.0)
    package61366 (1.0.0)
    package61367 (1.0.0)
    package61368 (1.0.0)
    package61369 (1.0.0)
    package61370 (1.0.0)
    package61371 (1.0.0)
    package61372 (1.0.0)
    package61373 (1.0.0)
    package61374 (1.0.0)
    package61375 (1.0.0)
    package61376 (1.0.0)
    package61377 (1.0.0)
    package61378 (1.0.0)
    package61379 (1.0.0)
    package61380 (1.0.0)
    package61381 (1.0.0)
    package61382 (1.0.0)
    package61383 (1.0.0)
    package61384 (1.0.0)
    package61385 (1.0.0)
    package61386 (1.0.0)
    package61387 (1.0.0)
    package61388 (1.0.0)
    package61389 (1.0.0)
    package61390 (1.0.0)
    package61391 (1.0.0)
    package61392 (1.0.0)
    package61393 (1.0.0)
    package61394 (1.0.0)
    package61395 (1.0.0)
    package61396 (1.0.0)
    package61397 (1.0.0)
    package61398 (1.0.0)
    package61399 (1.0.0)
    package61400 (1.0.0)
    package61401 (1.0.0)
    package61402 (1.0.0)
    package61403 (1.0.0)
    package61404 (1.0.0)
    package61405 (1.0.0)
    package61406 (1.0.0)
    package61407 (1.0.0)
    package61408 (1.0.0)
    package61409 (1.0.0)
    package61410 (1.0.0)
    package61411 (1.0.0)
    package61412 (1.0.0)
    package61413 (1.0.0)
    package61414 (1.0.0)
    package61415 (1.0.0)
    package61416 (1.0.0)
    package61417 (1.0.0)
    package61418 (1.0.0)
    package61419 (1.0.0)
    package61420 (1.0.0)
    package61421 (1.0.0)
    package61422 (1.0.0)
    package61423 (1.0.0)
    package61424 (1.0.0)
    package61425 (1.0.0)
    package61426 (1.0.0)
    package61427 (1.0.0)
    package61428 (1.0.0)
    package61429 (1.0.0)
    package61430 (1.0.0)
    package61431 (1.0.0)
    package61432 (1.0.0)
    package61433 (1.0.0)
    package61434 (1.0.0)
    package61435 (1.0.0)
    package61436 (1.0.0)
    package61437 (1.0.0)
    package61438 (1.0.0)
    package61439 (1.0.0)
    package61440 (1.0.0)
    package61441 (1.0.0)
    package61442 (1.0.0)
    package61443 (1.0.0)
    package61444 (1.0.0)
    package61445 (1.0.0)
    package61446 (1.0.0)
    package61447 (1.0.0)
    package61448 (1.0.0)
    package61449 (1.0.0)
    package61450 (1.0.0)
    package61451 (1.0.0)
    package61452 (1.0.0)
    package61453 (1.0.0)
    package61454 (1.0.0)
    package61455 (1.0.0)
    package61456 (1.0.0)
    package61457 (1.0.0)
    package61458 (1.0.0)
    package61459 (1.0.0)
    package61460 (1.0.0)
    package61461 (1.0.0)
    package61462 (1.0.0)
    package61463 (1.0.0)
    package61464 (1.0.0)
    package61465 (1.0.0)
    package61466 (1.0.0)
    package61467 (1.0.0)
    package61468 (1.0.0)
    package61469 (1.0.0)
    package61470 (1.0.0)
    package61471 (1.0.0)
    package61472 (1.0.0)
    package61473 (1.0.0)
    package61474 (1.0.0)
    package61475 (1.0.0)
    package61476 (1.0.0)
    package61477 (1.0.0)
    package61478 (1.0.0)
    package61479 (1.0.0)
    package61480 (1.0.0)
    package61481 (1.0.0)
    package61482 (1.0.0)
    package61483 (1.0.0)
    package61484 (1.0.0)
    package61485 (1.0.0)
    package61486 (1.0.0)
    package61487 (1.0.0)
    package61488 (1.0.0)
    package61489 (1.0.0)
    package61490 (1.0.0)
    package61491 (1.0.0)
    package61492 (1.0.0)
    package61493 (1.0.0)
    package61494 (1.0.0)
    package61495 (1.0.0)
    package61496 (1.0.0)
    package61497 (1.0.0)
    package61498 (1.0.0)
    package61499 (1.0.0)
    package61500 (1.0.0)
    package61501 (1.0.0)
    package61502 (1.0.0)
    package61503 (1.0.0)
    package61504 (1.0.0)
    package61505 (1.0.0)
    package61506 (1.0.0)
    package61507 (1.0.0)
    package61508 (1.0.0)
    package61509 (1.0.0)
    package61510 (1.0.0)
    package61511 (1.0.0)
    package61512 (1.0.0)
    package61513 (1.0.0)
    package61514 (1.0.0)
    package61515 (1.0.0)
    package61516 (1.0.0)
    package61517 (1.0.0)
    package61518 (1.0.0)
    package61519 (1.0.0)
    package61520 (1.0.0)
    package61521 (1.0.0)
    package61522 (1.0.0)
    package61523 (1.0.0)
    package61524 (1.0.0)
    package61525 (1.0.0)
    package61526 (1.0.0)
    package61527 (1.0.0)
    package61528 (1.0.0)
    package61529 (1.0.0)
    package61530 (1.0.0)
    package61531 (1.0.0)
    package61532 (1.0.0)
    package61533 (1.0.0)
    package61534 (1.0.0)
    package61535 (1.0.0)
    package61536 (1.0.0)
    package61537 (1.0.0)
    package61538 (1.0.0)
    package61539 (1.0.0)
    package61540 (1.0.0)
    package61541 (1.0.0)
    package61542 (1.0.0)
    package61543 (1.0.0)
    package61544 (1.0.0)
    package61545 (1.0.0)
    package61546 (1.0.0)
    package61547 (1.0.0)
    package61548 (1.0.0)
    package61549 (1.0.0)
    package61550 (1.0.0)
    package61551 (1.0.0)
    package61552 (1.0.0)
    package61553 (1.0.0)
    package61554 (1.0.0)
    package61555 (1.0.0)
    package61556 (1.0.0)
    package61557 (1.0.0)
    package61558 (1.0.0)
    package61559 (1.0.0)
    package61560 (1.0.0)
    package61561 (1.0.0)
    package61562 (1.0.0)
    package61563 (1.0.0)
    package61564 (1.0.0)
    package61565 (1.0.0)
    package61566 (1.0.0)
    package61567 (1.0.0)
    package61568 (1.0.0)
    package61569 (1.0.0)
    package61570 (1.0.0)
    package61571 (1.0.0)
    package61572 (1.0.0)
    package61573 (1.0.0)
    package61574 (1.0.0)
    package61575 (1.0.0)
    package61576 (1.0.0)
    package61577 (1.0.0)
    package61578 (1.0.0)
    package61579 (1.0.0)
    package61580 (1.0.0)
    package61581 (1.0.0)
    package61582 (1.0.0)
    package61583 (1.0.0)
    package61584 (1.0.0)
    package61585 (1.0.0)
    package61586 (1.0.0)
    package61587 (1.0.0)
    package61588 (1.0.0)
    package61589 (1.0.0)
    package61590 (1.0.0)
    package61591 (1.0.0)
    package61592 (1.0.0)
    package61593 (1.0.0)
    package61594 (1.0.0)
    package61595 (1.0.0)
    package61596 (1.0.0)
    package61597 (1.0.0)
    package61598 (1.0.0)
    package61599 (1.0.0)
    package61600 (1.0.0)
    package61601 (1.0.0)
    package61602 (1.0.0)
    package61603 (1.0.0)
    package61604 (1.0.0)
    package61605 (1.0.0)
    package61606 (1.0.0)
    package61607 (1.0.0)
    package61608 (1.0.0)
    package61609 (1.0.0)
    package61610 (1.0.0)
    package61611 (1.0.0)
    package61612 (1.0.0)
    package61613 (1.0.0)
    package61614 (1.0.0)
    package61615 (1.0.0)
    package61616 (1.0.0)
    package61617 (1.0.0)
    package61618 (1.0.0)
    package61619 (1.0.0)
    package61620 (1.0.0)
    package61621 (1.0.0)
    package61622 (1.0.0)
    package61623 (1.0.0)
    package61624 (1.0.0)
    package61625 (1.0.0)
    package61626 (1.0.0)
    package61627 (1.0.0)
    package61628 (1.0.0)
    package61629 (1.0.0)
    package61630 (1.0.0)
    package61631 (1.0.0)
    package61632 (1.0.0)
    package61633 (1.0.0)
    package61634 (1.0.0)
    package61635 (1.0.0)
    package61636 (1.0.0)
    package61637 (1.0.0)
    package61638 (1.0.0)
    package61639 (1.0.0)
    package61640 (1.0.0)
    package61641 (1.0.0)
    package61642 (1.0.0)
    package61643 (1.0.0)
    package61644 (1.0.0)
    package61645 (1.0.0)
    package61646 (1.0.0)
    package61647 (1.0.0)
    package61648 (1.0.0)
    package61649 (1.0.0)
    package61650 (1.0.0)
    package61651 (1.0.0)
    package61652 (1.0.0)
    package61653 (1.0.0)
    package61654 (1.0.0)
    package61655 (1.0.0)
    package61656 (1.0.0)
    package61657 (1.0.0)
    package61658 (1.0.0)
    package61659 (1.0.0)
    package61660 (1.0.0)
    package61661 (1.0.0)
    package61662 (1.0.0)
    package61663 (1.0.0)
    package61664 (1.0.0)
    package61665 (1.0.0)
    package61666 (1.0.0)
    package61667 (1.0.0)
    package61668 (1.0.0)
    package61669 (1.0.0)
    package61670 (1.0.0)
    package61671 (1.0.0)
    package61672 (1.0.0)
    package61673 (1.0.0)
    package61674 (1.0.0)
    package61675 (1.0.0)
    package61676 (1.0.0)
    package61677 (1.0.0)
    package61678 (1.0.0)
    package61679 (1.0.0)
    package61680 (1.0.0)
    package61681 (1.0.0)
    package61682 (1.0.0)
    package61683 (1.0.0)
    package61684 (1.0.0)
    package61685 (1.0.0)
    package61686 (1.0.0)
    package61687 (1.0.0)
    package61688 (1.0.0)
    package61689 (1.0.0)
    package61690 (1.0.0)
    package61691 (1.0.0)
    package61692 (1.0.0)
    package61693 (1.0.0)
    package61694 (1.0.0)
    package61695 (1.0.0)
    package61696 (1.0.0)
    package61697 (1.0.0)
    package61698 (1.0.0)
    package61699 (1.0.0)
    package61700 (1.0.0)
    package61701 (1.0.0)
    package61702 (1.0.0)
    package61703 (1.0.0)
    package61704 (1.0.0)
    package61705 (1.0.0)
    package61706 (1.0.0)
    package61707 (1.0.0)
    package61708 (1.0.0)
    package61709 (1.0.0)
    package61710 (1.0.0)
    package61711 (1.0.0)
    package61712 (1.0.0)
    package61713 (1.0.0)
    package61714 (1.0.0)
    package61715 (1.0.0)
    package61716 (1.0.0)
    package61717 (1.0.0)
    package61718 (1.0.0)
    package61719 (1.0.0)
    package61720 (1.0.0)
    package61721 (1.0.0)
    package61722 (1.0.0)
    package61723 (1.0.0)
    package61724 (1.0.0)
    package61725 (1.0.0)
    package61726 (1.0.0)
    package61727 (1.0.0)
    package61728 (1.0.0)
    package61729 (1.0.0)
    package61730 (1.0.0)
    package61731 (1.0.0)
    package61732 (1.0.0)
    package61733 (1.0.0)
    package61734 (1.0.0)
    package61735 (1.0.0)
    package61736 (1.0.0)
    package61737 (1.0.0)
    package61738 (1.0.0)
    package61739 (1.0.0)
    package61740 (1.0.0)
    package61741 (1.0.0)
    package61742 (1.0.0)
    package61743 (1.0.0)
    package61744 (1.0.0)
    package61745 (1.0.0)
    package61746 (1.0.0)
    package61747 (1.0.0)
    package61748 (1.0.0)
    package61749 (1.0.0)
    package61750 (1.0.0)
    package61751 (1.0.0)
    package61752 (1.0.0)
    package61753 (1.0.0)
    package61754 (1.0.0)
    package61755 (1.0.0)
    package61756 (1.0.0)
    package61757 (1.0.0)
    package61758 (1.0.0)
    package61759 (1.0.0)
    package61760 (1.0.0)
    package61761 (1.0.0)
    package61762 (1.0.0)
    package61763 (1.0.0)
    package61764 (1.0.0)
    package61765 (1.0.0)
    package61766 (1.0.0)
    package61767 (1.0.0)
    package61768 (1.0.0)
    package61769 (1.0.0)
    package61770 (1.0.0)
    package61771 (1.0.0)
    package61772 (1.0.0)
    package61773 (1.0.0)
    package61774 (1.0.0)
    package61775 (1.0.0)
    package61776 (1.0.0)
    package61777 (1.0.0)
    package61778 (1.0.0)
    package61779 (1.0.0)
    package61780 (1.0.0)
    package61781 (1.0.0)
    package61782 (1.0.0)
    package61783 (1.0.0)
    package61784 (1.0.0)
    package61785 (1.0.0)
    package61786 (1.0.0)
    package61787 (1.0.0)
    package61788 (1.0.0)
    package61789 (1.0.0)
    package61790 (1.0.0)
    package61791 (1.0.0)
    package61792 (1.0.0)
    package61793 (1.0.0)
    package61794 (1.0.0)
    package61795 (1.0.0)
    package61796 (1.0.0)
    package61797 (1.0.0)
    package61798 (1.0.0)
    package61799 (1.0.0)
    package61800 (1.0.0)
    package61801 (1.0.0)
    package61802 (1.0.0)
    package61803 (1.0.0)
    package61804 (1.0.0)
    package61805 (1.0.0)
    package61806 (1.0.0)
    package61807 (1.0.0)
    package61808 (1.0.0)
    package61809 (1.0.0)
    package61810 (1.0.0)
    package61811 (1.0.0)
    package61812 (1.0.0)
    package61813 (1.0.0)
    package61814 (1.0.0)
    package61815 (1.0.0)
    package61816 (1.0.0)
    package61817 (1.0.0)
    package61818 (1.0.0)
    package61819 (1.0.0)
    package61820 (1.0.0)
    package61821 (1.0.0)
    package61822 (1.0.0)
    package61823 (1.0.0)
    package61824 (1.0.0)
    package61825 (1.0.0)
    package61826 (1.0.0)
    package61827 (1.0.0)
    package61828 (1.0.0)
    package61829 (1.0.0)
    package61830 (1.0.0)
    package61831 (1.0.0)
    package61832 (1.0.0)
    package61833 (1.0.0)
    package61834 (1.0.0)
    package61835 (1.0.0)
    package61836 (1.0.0)
    package61837 (1.0.0)
    package61838 (1.0.0)
    package61839 (1.0.0)
    package61840 (1.0.0)
    package61841 (1.0.0)
    package61842 (1.0.0)
    package61843 (1.0.0)
    package61844 (1.0.0)
    package61845 (1.0.0)
    package61846 (1.0.0)
    package61847 (1.0.0)
    package61848 (1.0.0)
    package61849 (1.0.0)
    package61850 (1.0.0)
    package61851 (1.0.0)
    package61852 (1.0.0)
    package61853 (1.0.0)
    package61854 (1.0.0)
    package61855 (1.0.0)
    package61856 (1.0.0)
    package61857 (1.0.0)
    package61858 (1.0.0)
    package61859 (1.0.0)
    package61860 (1.0.0)
    package61861 (1.0.0)
    package61862 (1.0.0)
    package61863 (1.0.0)
    package61864 (1.0.0)
    package61865 (1.0.0)
    package61866 (1.0.0)
    package61867 (1.0.0)
    package61868 (1.0.0)
    package61869 (1.0.0)
    package61870 (1.0.0)
    package61871 (1.0.0)
    package61872 (1.0.0)
    package61873 (1.0.0)
    package61874 (1.0.0)
    package61875 (1.0.0)
    package61876 (1.0.0)
    package61877 (1.0.0)
    package61878 (1.0.0)
    package61879 (1.0.0)
    package61880 (1.0.0)
    package61881 (1.0.0)
    package61882 (1.0.0)
    package61883 (1.0.0)
    package61884 (1.0.0)
    package61885 (1.0.0)
    package61886 (1.0.0)
    package61887 (1.0.0)
    package61888 (1.0.0)
    package61889 (1.0.0)
    package61890 (1.0.0)
    package61891 (1.0.0)
    package61892 (1.0.0)
    package61893 (1.0.0)
    package61894 (1.0.0)
    package61895 (1.0.0)
    package61896 (1.0.0)
    package61897 (1.0.0)
    package61898 (1.0.0)
    package61899 (1.0.0)
    package61900 (1.0.0)
    package61901 (1.0.0)
    package61902 (1.0.0)
    package61903 (1.0.0)
    package61904 (1.0.0)
    package61905 (1.0.0)
    package61906 (1.0.0)
    package61907 (1.0.0)
    package61908 (1.0.0)
    package61909 (1.0.0)
    package61910 (1.0.0)
    package61911 (1.0.0)
    package61912 (1.0.0)
    package61913 (1.0.0)
    package61914 (1.0.0)
    package61915 (1.0.0)
    package61916 (1.0.0)
    package61917 (1.0.0)
    package61918 (1.0.0)
    package61919 (1.0.0)
    package61920 (1.0.0)
    package61921 (1.0.0)
    package61922 (1.0.0)
    package61923 (1.0.0)
    package61924 (1.0.0)
    package61925 (1.0.0)
    package61926 (1.0.0)
    package61927 (1.0.0)
    package61928 (1.0.0)
    package61929 (1.0.0)
    package61930 (1.0.0)
    package61931 (1.0.0)
    package61932 (1.0.0)
    package61933 (1.0.0)
    package61934 (1.0.0)
    package61935 (1.0.0)
    package61936 (1.0.0)
    package61937 (1.0.0)
    package61938 (1.0.0)
    package61939 (1.0.0)
    package61940 (1.0.0)
    package61941 (1.0.0)
    package61942 (1.0.0)
    package61943 (1.0.0)
    package61944 (1.0.0)
    package61945 (1.0.0)
    package61946 (1.0.0)
    package61947 (1.0.0)
    package61948 (1.0.0)
    package61949 (1.0.0)
    package61950 (1.0.0)
    package61951 (1.0.0)
    package61952 (1.0.0)
    package61953 (1.0.0)
    package61954 (1.0.0)
    package61955 (1.0.0)
    package61956 (1.0.0)
    package61957 (1.0.0)
    package61958 (1.0.0)
    package61959 (1.0.0)
    package61960 (1.0.0)
    package61961 (1.0.0)
    package61962 (1.0.0)
    package61963 (1.0.0)
    package61964 (1.0.0)
    package61965 (1.0.0)
    package61966 (1.0.0)
    package61967 (1.0.0)
    package61968 (1.0.0)
    package61969 (1.0.0)
    package61970 (1.0.0)
    package61971 (1.0.0)
    package61972 (1.0.0)
    package61973 (1.0.0)
    package61974 (1.0.0)
    package61975 (1.0.0)
    package61976 (1.0.0)
    package61977 (1.0.0)
    package61978 (1.0.0)
    package61979 (1.0.0)
    package61980 (1.0.0)
    package61981 (1.0.0)
    package61982 (1.0.0)
    package61983 (1.0.0)
    package61984 (1.0.0)
    package61985 (1.0.0)
    package61986 (1.0.0)
    package61987 (1.0.0)
    package61988 (1.0.0)
    package61989 (1.0.0)
    package61990 (1.0.0)
    package61991 (1.0.0)
    package61992 (1.0.0)
    package61993 (1.0.0)
    package61994 (1.0.0)
    package61995 (1.0.0)
    package61996 (1.0.0)
    package61997 (1.0.0)
    package61998 (1.0.0)
    package61999 (1.0.0)
    package62000 (1.0.0)
    package62001 (1.0.0)
    package62002 (1.0.0)
    package62003 (1.0.0)
    package62004 (1.0.0)
    package62005 (1.0.0)
    package62006 (1.0.0)
    package62007 (1.0.0)
    package62008 (1.0.0)
    package62009 (1.0.0)
    package62010 (1.0.0)
    package62011 (1.0.0)
    package62012 (1.0.0)
    package62013 (1.0.0)
    package62014 (1.0.0)
    package62015 (1.0.0)
    package62016 (1.0.0)
    package62017 (1.0.0)
    package62018 (1.0.0)
    package62019 (1.0.0)
    package62020 (1.0.0)
    package62021 (1.0.0)
    package62022 (1.0.0)
    package62023 (1.0.0)
    package62024 (1.0.0)
    package62025 (1.0.0)
    package62026 (1.0.0)
    package62027 (1.0.0)
    package62028 (1.0.0)
    package62029 (1.0.0)
    package62030 (1.0.0)
    package62031 (1.0.0)
    package62032 (1.0.0)
    package62033 (1.0.0)
    package62034 (1.0.0)
    package62035 (1.0.0)
    package62036 (1.0.0)
    package62037 (1.0.0)
    package62038 (1.0.0)
    package62039 (1.0.0)
    package62040 (1.0.0)
    package62041 (1.0.0)
    package62042 (1.0.0)
    package62043 (1.0.0)
    package62044 (1.0.0)
    package62045 (1.0.0)
    package62046 (1.0.0)
    package62047 (1.0.0)
    package62048 (1.0.0)
    package62049 (1.0.0)
    package62050 (1.0.0)
    package62051 (1.0.0)
    package62052 (1.0.0)
    package62053 (1.0.0)
    package62054 (1.0.0)
    package62055 (1.0.0)
    package62056 (1.0.0)
    package62057 (1.0.0)
    package62058 (1.0.0)
    package62059 (1.0.0)
    package62060 (1.0.0)
    package62061 (1.0.0)
    package62062 (1.0.0)
    package62063 (1.0.0)
    package62064 (1.0.0)
    package62065 (1.0.0)
    package62066 (1.0.0)
    package62067 (1.0.0)
    package62068 (1.0.0)
    package62069 (1.0.0)
    package62070 (1.0.0)
    package62071 (1.0.0)
    package62072 (1.0.0)
    package62073 (1.0.0)
    package62074 (1.0.0)
    package62075 (1.0.0)
    package62076 (1.0.0)
    package62077 (1.0.0)
    package62078 (1.0.0)
    package62079 (1.0.0)
    package62080 (1.0.0)
    package62081 (1.0.0)
    package62082 (1.0.0)
    package62083 (1.0.0)
    package62084 (1.0.0)
    package62085 (1.0.0)
    package62086 (1.0.0)
    package62087 (1.0.0)
    package62088 (1.0.0)
    package62089 (1.0.0)
    package62090 (1.0.0)
    package62091 (1.0.0)
    package62092 (1.0.0)
    package62093 (1.0.0)
    package62094 (1.0.0)
    package62095 (1.0.0)
    package62096 (1.0.0)
    package62097 (1.0.0)
    package62098 (1.0.0)
    package62099 (1.0.0)
    package62100 (1.0.0)
    package62101 (1.0.0)
    package62102 (1.0.0)
    package62103 (1.0.0)
    package62104 (1.0.0)
    package62105 (1.0.0)
    package62106 (1.0.0)
    package62107 (1.0.0)
    package62108 (1.0.0)
    package62109 (1.0.0)
    package62110 (1.0.0)
    package62111 (1.0.0)
    package62112 (1.0.0)
    package62113 (1.0.0)
    package62114 (1.0.0)
    package62115 (1.0.0)
    package62116 (1.0.0)
    package62117 (1.0.0)
    package62118 (1.0.0)
    package62119 (1.0.0)
    package62120 (1.0.0)
    package62121 (1.0.0)
    package62122 (1.0.0)
    package62123 (1.0.0)
    package62124 (1.0.0)
    package62125 (1.0.0)
    package62126 (1.0.0)
    package62127 (1.0.0)
    package62128 (1.0.0)
    package62129 (1.0.0)
    package62130 (1.0.0)
    package62131 (1.0.0)
    package62132 (1.0.0)
    package62133 (1.0.0)
    package62134 (1.0.0)
    package62135 (1.0.0)
    package62136 (1.0.0)
    package62137 (1.0.0)
    package62138 (1.0.0)
    package62139 (1.0.0)
    package62140 (1.0.0)
    package62141 (1.0.0)
    package62142 (1.0.0)
    package62143 (1.0.0)
    package62144 (1.0.0)
    package62145 (1.0.0)
    package62146 (1.0.0)
    package62147 (1.0.0)
    package62148 (1.0.0)
    package62149 (1.0.0)
    package62150 (1.0.0)
    package62151 (1.0.0)
    package62152 (1.0.0)
    package62153 (1.0.0)
    package62154 (1.0.0)
    package62155 (1.0.0)
    package62156 (1.0.0)
    package62157 (1.0.0)
    package62158 (1.0.0)
    package62159 (1.0.0)
    package62160 (1.0.0)
    package62161 (1.0.0)
    package62162 (1.0.0)
    package62163 (1.0.0)
    package62164 (1.0.0)
    package62165 (1.0.0)
    package62166 (1.0.0)
    package62167 (1.0.0)
    package62168 (1.0.0)
    package62169 (1.0.0)
    package62170 (1.0.0)
    package62171 (1.0.0)
    package62172 (1.0.0)
    package62173 (1.0.0)
    package62174 (1.0.0)
    package62175 (1.0.0)
    package62176 (1.0.0)
    package62177 (1.0.0)
    package62178 (1.0.0)
    package62179 (1.0.0)
    package62180 (1.0.0)
    package62181 (1.0.0)
    package62182 (1.0.0)
    package62183 (1.0.0)
    package62184 (1.0.0)
    package62185 (1.0.0)
    package62186 (1.0.0)
    package62187 (1.0.0)
    package62188 (1.0.0)
    package62189 (1.0.0)
    package62190 (1.0.0)
    package62191 (1.0.0)
    package62192 (1.0.0)
    package62193 (1.0.0)
    package62194 (1.0.0)
    package62195 (1.0.0)
    package62196 (1.0.0)
    package62197 (1.0.0)
    package62198 (1.0.0)
    package62199 (1.0.0)
    package62200 (1.0.0)
    package62201 (1.0.0)
    package62202 (1.0.0)
    package62203 (1.0.0)
    package62204 (1.0.0)
    package62205 (1.0.0)
    package62206 (1.0.0)
    package62207 (1.0.0)
    package62208 (1.0.0)
    package62209 (1.0.0)
    package62210 (1.0.0)
    package62211 (1.0.0)
    package62212 (1.0.0)
    package62213 (1.0.0)
    package62214 (1.0.0)
    package62215 (1.0.0)
    package62216 (1.0.0)
    package62217 (1.0.0)
    package62218 (1.0.0)
    package62219 (1.0.0)
    package62220 (1.0.0)
    package62221 (1.0.0)
    package62222 (1.0.0)
    package62223 (1.0.0)
    package62224 (1.0.0)
    package62225 (1.0.0)
    package62226 (1.0.0)
    package62227 (1.0.0)
    package62228 (1.0.0)
    package62229 (1.0.0)
    package62230 (1.0.0)
    package62231 (1.0.0)
    package62232 (1.0.0)
    package62233 (1.0.0)
    package62234 (1.0.0)
    package62235 (1.0.0)
    package62236 (1.0.0)
    package62237 (1.0.0)
    package62238 (1.0.0)
    package62239 (1.0.0)
    package62240 (1.0.0)
    package62241 (1.0.0)
    package62242 (1.0.0)
    package62243 (1.0.0)
    package62244 (1.0.0)
    package62245 (1.0.0)
    package62246 (1.0.0)
    package62247 (1.0.0)
    package62248 (1.0.0)
    package62249 (1.0.0)
    package62250 (1.0.0)
    package62251 (1.0.0)
    package62252 (1.0.0)
    package62253 (1.0.0)
    package62254 (1.0.0)
    package62255 (1.0.0)
    package62256 (1.0.0)
    package62257 (1.0.0)
    package62258 (1.0.0)
    package62259 (1.0.0)
    package62260 (1.0.0)
    package62261 (1.0.0)
    package62262 (1.0.0)
    package62263 (1.0.0)
    package62264 (1.0.0)
    package62265 (1.0.0)
    package62266 (1.0.0)
    package62267 (1.0.0)
    package62268 (1.0.0)
    package62269 (1.0.0)
    package62270 (1.0.0)
    package62271 (1.0.0)
    package62272 (1.0.0)
    package62273 (1.0.0)
    package62274 (1.0.0)
    package62275 (1.0.0)
    package62276 (1.0.0)
    package62277 (1.0.0)
    package62278 (1.0.0)
    package62279 (1.0.0)
    package62280 (1.0.0)
    package62281 (1.0.0)
    package62282 (1.0.0)
    package62283 (1.0.0)
    package62284 (1.0.0)
    package62285 (1.0.0)
    package62286 (1.0.0)
    package62287 (1.0.0)
    package62288 (1.0.0)
    package62289 (1.0.0)
    package62290 (1.0.0)
    package62291 (1.0.0)
    package62292 (1.0.0)
    package62293 (1.0.0)
    package62294 (1.0.0)
    package62295 (1.0.0)
    package62296 (1.0.0)
    package62297 (1.0.0)
    package62298 (1.0.0)
    package62299 (1.0.0)
    package62300 (1.0.0)
    package62301 (1.0.0)
    package62302 (1.0.0)
    package62303 (1.0.0)
    package62304 (1.0.0)
    package62305 (1.0.0)
    package62306 (1.0.0)
    package62307 (1.0.0)
    package62308 (1.0.0)
    package62309 (1.0.0)
    package62310 (1.0.0)
    package62311 (1.0.0)
    package62312 (1.0.0)
    package62313 (1.0.0)
    package62314 (1.0.0)
    package62315 (1.0.0)
    package62316 (1.0.0)
    package62317 (1.0.0)
    package62318 (1.0.0)
    package62319 (1.0.0)
    package62320 (1.0.0)
    package62321 (1.0.0)
    package62322 (1.0.0)
    package62323 (1.0.0)
    package62324 (1.0.0)
    package62325 (1.0.0)
    package62326 (1.0.0)
    package62327 (1.0.0)
    package62328 (1.0.0)
    package62329 (1.0.0)
    package62330 (1.0.0)
    package62331 (1.0.0)
    package62332 (1.0.0)
    package62333 (1.0.0)
    package62334 (1.0.0)
    package62335 (1.0.0)
    package62336 (1.0.0)
    package62337 (1.0.0)
    package62338 (1.0.0)
    package62339 (1.0.0)
    package62340 (1.0.0)
    package62341 (1.0.0)
    package62342 (1.0.0)
    package62343 (1.0.0)
    package62344 (1.0.0)
    package62345 (1.0.0)
    package62346 (1.0.0)
    package62347 (1.0.0)
    package62348 (1.0.0)
    package62349 (1.0.0)
    package62350 (1.0.0)
    package62351 (1.0.0)
    package62352 (1.0.0)
    package62353 (1.0.0)
    package62354 (1.0.0)
    package62355 (1.0.0)
    package62356 (1.0.0)
    package62357 (1.0.0)
    package62358 (1.0.0)
    package62359 (1.0.0)
    package62360 (1.0.0)
    package62361 (1.0.0)
    package62362 (1.0.0)
    package62363 (1.0.0)
    package62364 (1.0.0)
    package62365 (1.0.0)
    package62366 (1.0.0)
    package62367 (1.0.0)
    package62368 (1.0.0)
    package62369 (1.0.0)
    package62370 (1.0.0)
    package62371 (1.0.0)
    package62372 (1.0.0)
    package62373 (1.0.0)
    package62374 (1.0.0)
    package62375 (1.0.0)
    package62376 (1.0.0)
    package62377 (1.0.0)
    package62378 (1.0.0)
    package62379 (1.0.0)
    package62380 (1.0.0)
    package62381 (1.0.0)
    package62382 (1.0.0)
    package62383 (1.0.0)
    package62384 (1.0.0)
    package62385 (1.0.0)
    package62386 (1.0.0)
    package62387 (1.0.0)
    package62388 (1.0.0)
    package62389 (1.0.0)
    package62390 (1.0.0)
    package62391 (1.0.0)
    package62392 (1.0.0)
    package62393 (1.0.0)
    package62394 (1.0.0)
    package62395 (1.0.0)
    package62396 (1.0.0)
    package62397 (1.0.0)
    package62398 (1.0.0)
    package62399 (1.0.0)
    package62400 (1.0.0)
    package62401 (1.0.0)
    package62402 (1.0.0)
    package62403 (1.0.0)
    package62404 (1.0.0)
    package62405 (1.0.0)
    package62406 (1.0.0)
    package62407 (1.0.0)
    package62408 (1.0.0)
    package62409 (1.0.0)
    package62410 (1.0.0)
    package62411 (1.0.0)
    package62412 (1.0.0)
    package62413 (1.0.0)
    package62414 (1.0.0)
    package62415 (1.0.0)
    package62416 (1.0.0)
    package62417 (1.0.0)
    package62418 (1.0.0)
    package62419 (1.0.0)
    package62420 (1.0.0)
    package62421 (1.0.0)
    package62422 (1.0.0)
    package62423 (1.0.0)
    package62424 (1.0.0)
    package62425 (1.0.0)
    package62426 (1.0.0)
    package62427 (1.0.0)
    package62428 (1.0.0)
    package62429 (1.0.0)
    package62430 (1.0.0)
    package62431 (1.0.0)
    package62432 (1.0.0)
    package62433 (1.0.0)
    package62434 (1.0.0)
    package62435 (1.0.0)
    package62436 (1.0.0)
    package62437 (1.0.0)
    package62438 (1.0.0)
    package62439 (1.0.0)
    package62440 (1.0.0)
    package62441 (1.0.0)
    package62442 (1.0.0)
    package62443 (1.0.0)
    package62444 (1.0.0)
    package62445 (1.0.0)
    package62446 (1.0.0)
    package62447 (1.0.0)
    package62448 (1.0.0)
    package62449 (1.0.0)
    package62450 (1.0.0)
    package62451 (1.0.0)
    package62452 (1.0.0)
    package62453 (1.0.0)
    package62454 (1.0.0)
    package62455 (1.0.0)
    package62456 (1.0.0)
    package62457 (1.0.0)
    package62458 (1.0.0)
    package62459 (1.0.0)
    package62460 (1.0.0)
    package62461 (1.0.0)
    package62462 (1.0.0)
    package62463 (1.0.0)
    package62464 (1.0.0)
    package62465 (1.0.0)
    package62466 (1.0.0)
    package62467 (1.0.0)
    package62468 (1.0.0)
    package62469 (1.0.0)
    package62470 (1.0.0)
    package62471 (1.0.0)
    package62472 (1.0.0)
    package62473 (1.0.0)
    package62474 (1.0.0)
    package62475 (1.0.0)
    package62476 (1.0.0)
    package62477 (1.0.0)
    package62478 (1.0.0)
    package62479 (1.0.0)
    package62480 (1.0.0)
    package62481 (1.0.0)
    package62482 (1.0.0)
    package62483 (1.0.0)
    package62484 (1.0.0)
    package62485 (1.0.0)
    package62486 (1.0.0)
    package62487 (1.0.0)
    package62488 (1.0.0)
    package62489 (1.0.0)
    package62490 (1.0.0)
    package62491 (1.0.0)
    package62492 (1.0.0)
    package62493 (1.0.0)
    package62494 (1.0.0)
    package62495 (1.0.0)
    package62496 (1.0.0)
    package62497 (1.0.0)
    package62498 (1.0.0)
    package62499 (1.0.0)
    package62500 (1.0.0)
    package62501 (1.0.0)
    package62502 (1.0.0)
    package62503 (1.0.0)
    package62504 (1.0.0)
    package62505 (1.0.0)
    package62506 (1.0.0)
    package62507 (1.0.0)
    package62508 (1.0.0)
    package62509 (1.0.0)
    package62510 (1.0.0)
    package62511 (1.0.0)
    package62512 (1.0.0)
    package62513 (1.0.0)
    package62514 (1.0.0)
    package62515 (1.0.0)
    package62516 (1.0.0)
    package62517 (1.0.0)
    package62518 (1.0.0)
    package62519 (1.0.0)
    package62520 (1.0.0)
    package62521 (1.0.0)
    package62522 (1.0.0)
    package62523 (1.0.0)
    package62524 (1.0.0)
    package62525 (1.0.0)
    package62526 (1.0.0)
    package62527 (1.0.0)
    package62528 (1.0.0)
    package62529 (1.0.0)
    package62530 (1.0.0)
    package62531 (1.0.0)
    package62532 (1.0.0)
    package62533 (1.0.0)
    package62534 (1.0.0)
    package62535 (1.0.0)
    package62536 (1.0.0)
    package62537 (1.0.0)
    package62538 (1.0.0)
    package62539 (1.0.0)
    package62540 (1.0.0)
    package62541 (1.0.0)
    package62542 (1.0.0)
    package62543 (1.0.0)
    package62544 (1.0.0)
    package62545 (1.0.0)
    package62546 (1.0.0)
    package62547 (1.0.0)
    package62548 (1.0.0)
    package62549 (1.0.0)
    package62550 (1.0.0)
    package62551 (1.0.0)
    package62552 (1.0.0)
    package62553 (1.0.0)
    package62554 (1.0.0)
    package62555 (1.0.0)
    package62556 (1.0.0)
    package62557 (1.0.0)
    package62558 (1.0.0)
    package62559 (1.0.0)
    package62560 (1.0.0)
    package62561 (1.0.0)
    package62562 (1.0.0)
    package62563 (1.0.0)
    package62564 (1.0.0)
    package62565 (1.0.0)
    package62566 (1.0.0)
    package62567 (1.0.0)
    package62568 (1.0.0)
    package62569 (1.0.0)
    package62570 (1.0.0)
    package62571 (1.0.0)
    package62572 (1.0.0)
    package62573 (1.0.0)
    package62574 (1.0.0)
    package62575 (1.0.0)
    package62576 (1.0.0)
    package62577 (1.0.0)
    package62578 (1.0.0)
    package62579 (1.0.0)
    package62580 (1.0.0)
    package62581 (1.0.0)
    package62582 (1.0.0)
    package62583 (1.0.0)
    package62584 (1.0.0)
    package62585 (1.0.0)
    package62586 (1.0.0)
    package62587 (1.0.0)
    package62588 (1.0.0)
    package62589 (1.0.0)
    package62590 (1.0.0)
    package62591 (1.0.0)
    package62592 (1.0.0)
    package62593 (1.0.0)
    package62594 (1.0.0)
    package62595 (1.0.0)
    package62596 (1.0.0)
    package62597 (1.0.0)
    package62598 (1.0.0)
    package62599 (1.0.0)
    package62600 (1.0.0)
    package62601 (1.0.0)
    package62602 (1.0.0)
    package62603 (1.0.0)
    package62604 (1.0.0)
    package62605 (1.0.0)
    package62606 (1.0.0)
    package62607 (1.0.0)
    package62608 (1.0.0)
    package62609 (1.0.0)
    package62610 (1.0.0)
    package62611 (1.0.0)
    package62612 (1.0.0)
    package62613 (1.0.0)
    package62614 (1.0.0)
    package62615 (1.0.0)
    package62616 (1.0.0)
    package62617 (1.0.0)
    package62618 (1.0.0)
    package62619 (1.0.0)
    package62620 (1.0.0)
    package62621 (1.0.0)
    package62622 (1.0.0)
    package62623 (1.0.0)
    package62624 (1.0.0)
    package62625 (1.0.0)
    package62626 (1.0.0)
    package62627 (1.0.0)
    package62628 (1.0.0)
    package62629 (1.0.0)
    package62630 (1.0.0)
    package62631 (1.0.0)
    package62632 (1.0.0)
    package62633 (1.0.0)
    package62634 (1.0.0)
    package62635 (1.0.0)
    package62636 (1.0.0)
    package62637 (1.0.0)
    package62638 (1.0.0)
    package62639 (1.0.0)
    package62640 (1.0.0)
    package62641 (1.0.0)
    package62642 (1.0.0)
    package62643 (1.0.0)
    package62644 (1.0.0)
    package62645 (1.0.0)
    package62646 (1.0.0)
    package62647 (1.0.0)
    package62648 (1.0.0)
    package62649 (1.0.0)
    package62650 (1.0.0)
    package62651 (1.0.0)
    package62652 (1.0.0)
    package62653 (1.0.0)
    package62654 (1.0.0)
    package62655 (1.0.0)
    package62656 (1.0.0)
    package62657 (1.0.0)
    package62658 (1.0.0)
    package62659 (1.0.0)
    package62660 (1.0.0)
    package62661 (1.0.0)
    package62662 (1.0.0)
    package62663 (1.0.0)
    package62664 (1.0.0)
    package62665 (1.0.0)
    package62666 (1.0.0)
    package62667 (1.0.0)
    package62668 (1.0.0)
    package62669 (1.0.0)
    package62670 (1.0.0)
    package62671 (1.0.0)
    package62672 (1.0.0)
    package62673 (1.0.0)
    package62674 (1.0.0)
    package62675 (1.0.0)
    package62676 (1.0.0)
    package62677 (1.0.0)
    package62678 (1.0.0)
    package62679 (1.0.0)
    package62680 (1.0.0)
    package62681 (1.0.0)
    package62682 (1.0.0)
    package62683 (1.0.0)
    package62684 (1.0.0)
    package62685 (1.0.0)
    package62686 (1.0.0)
    package62687 (1.0.0)
    package62688 (1.0.0)
    package62689 (1.0.0)
    package62690 (1.0.0)
    package62691 (1.0.0)
    package62692 (1.0.0)
    package62693 (1.0.0)
    package62694 (1.0.0)
    package62695 (1.0.0)
    package62696 (1.0.0)
    package62697 (1.0.0)
    package62698 (1.0.0)
    package62699 (1.0.0)
    package62700 (1.0.0)
    package62701 (1.0.0)
    package62702 (1.0.0)
    package62703 (1.0.0)
    package62704 (1.0.0)
    package62705 (1.0.0)
    package62706 (1.0.0)
    package62707 (1.0.0)
    package62708 (1.0.0)
    package62709 (1.0.0)
    package62710 (1.0.0)
    package62711 (1.0.0)
    package62712 (1.0.0)
    package62713 (1.0.0)
    package62714 (1.0.0)
    package62715 (1.0.0)
    package62716 (1.0.0)
    package62717 (1.0.0)
    package62718 (1.0.0)
    package62719 (1.0.0)
    package62720 (1.0.0)
    package62721 (1.0.0)
    package62722 (1.0.0)
    package62723 (1.0.0)
    package62724 (1.0.0)
    package62725 (1.0.0)
    package62726 (1.0.0)
    package62727 (1.0.0)
    package62728 (1.0.0)
    package62729 (1.0.0)
    package62730 (1.0.0)
    package62731 (1.0.0)
    package62732 (1.0.0)
    package62733 (1.0.0)
    package62734 (1.0.0)
    package62735 (1.0.0)
    package62736 (1.0.0)
    package62737 (1.0.0)
    package62738 (1.0.0)
    package62739 (1.0.0)
    package62740 (1.0.0)
    package62741 (1.0.0)
    package62742 (1.0.0)
    package62743 (1.0.0)
    package62744 (1.0.0)
    package62745 (1.0.0)
    package62746 (1.0.0)
    package62747 (1.0.0)
    package62748 (1.0.0)
    package62749 (1.0.0)
    package62750 (1.0.0)
    package62751 (1.0.0)
    package62752 (1.0.0)
    package62753 (1.0.0)
    package62754 (1.0.0)
    package62755 (1.0.0)
    package62756 (1.0.0)
    package62757 (1.0.0)
    package62758 (1.0.0)
    package62759 (1.0.0)
    package62760 (1.0.0)
    package62761 (1.0.0)
    package62762 (1.0.0)
    package62763 (1.0.0)
    package62764 (1.0.0)
    package62765 (1.0.0)
    package62766 (1.0.0)
    package62767 (1.0.0)
    package62768 (1.0.0)
    package62769 (1.0.0)
    package62770 (1.0.0)
    package62771 (1.0.0)
    package62772 (1.0.0)
    package62773 (1.0.0)
    package62774 (1.0.0)
    package62775 (1.0.0)
    package62776 (1.0.0)
    package62777 (1.0.0)
    package62778 (1.0.0)
    package62779 (1.0.0)
    package62780 (1.0.0)
    package62781 (1.0.0)
    package62782 (1.0.0)
    package62783 (1.0.0)
    package62784 (1.0.0)
    package62785 (1.0.0)
    package62786 (1.0.0)
    package62787 (1.0.0)
    package62788 (1.0.0)
    package62789 (1.0.0)
    package62790 (1.0.0)
    package62791 (1.0.0)
    package62792 (1.0.0)
    package62793 (1.0.0)
    package62794 (1.0.0)
    package62795 (1.0.0)
    package62796 (1.0.0)
    package62797 (1.0.0)
    package62798 (1.0.0)
    package62799 (1.0.0)
    package62800 (1.0.0)
    package62801 (1.0.0)
    package62802 (1.0.0)
    package62803 (1.0.0)
    package62804 (1.0.0)
    package62805 (1.0.0)
    package62806 (1.0.0)
    package62807 (1.0.0)
    package62808 (1.0.0)
    package62809 (1.0.0)
    package62810 (1.0.0)
    package62811 (1.0.0)
    package62812 (1.0.0)
    package62813 (1.0.0)
    package62814 (1.0.0)
    package62815 (1.0.0)
    package62816 (1.0.0)
    package62817 (1.0.0)
    package62818 (1.0.0)
    package62819 (1.0.0)
    package62820 (1.0.0)
    package62821 (1.0.0)
    package62822 (1.0.0)
    package62823 (1.0.0)
    package62824 (1.0.0)
    package62825 (1.0.0)
    package62826 (1.0.0)
    package62827 (1.0.0)
    package62828 (1.0.0)
    package62829 (1.0.0)
    package62830 (1.0.0)
    package62831 (1.0.0)
    package62832 (1.0.0)
    package62833 (1.0.0)
    package62834 (1.0.0)
    package62835 (1.0.0)
    package62836 (1.0.0)
    package62837 (1.0.0)
    package62838 (1.0.0)
    package62839 (1.0.0)
    package62840 (1.0.0)
    package62841 (1.0.0)
    package62842 (1.0.0)
    package62843 (1.0.0)
    package62844 (1.0.0)
    package62845 (1.0.0)
    package62846 (1.0.0)
    package62847 (1.0.0)
    package62848 (1.0.0)
    package62849 (1.0.0)
    package62850 (1.0.0)
    package62851 (1.0.0)
    package62852 (1.0.0)
    package62853 (1.0.0)
    package62854 (1.0.0)
    package62855 (1.0.0)
    package62856 (1.0.0)
    package62857 (1.0.0)
    package62858 (1.0.0)
    package62859 (1.0.0)
    package62860 (1.0.0)
    package62861 (1.0.0)
    package62862 (1.0.0)
    package62863 (1.0.0)
    package62864 (1.0.0)
    package62865 (1.0.0)
    package62866 (1.0.0)
    package62867 (1.0.0)
    package62868 (1.0.0)
    package62869 (1.0.0)
    package62870 (1.0.0)
    package62871 (1.0.0)
    package62872 (1.0.0)
    package62873 (1.0.0)
    package62874 (1.0.0)
    package62875 (1.0.0)
    package62876 (1.0.0)
    package62877 (1.0.0)
    package62878 (1.0.0)
    package62879 (1.0.0)
    package62880 (1.0.0)
    package62881 (1.0.0)
    package62882 (1.0.0)
    package62883 (1.0.0)
    package62884 (1.0.0)
    package62885 (1.0.0)
    package62886 (1.0.0)
    package62887 (1.0.0)
    package62888 (1.0.0)
    package62889 (1.0.0)
    package62890 (1.0.0)
    package62891 (1.0.0)
    package62892 (1.0.0)
    package62893 (1.0.0)
    package62894 (1.0.0)
    package62895 (1.0.0)
    package62896 (1.0.0)
    package62897 (1.0.0)
    package62898 (1.0.0)
    package62899 (1.0.0)
    package62900 (1.0.0)
    package62901 (1.0.0)
    package62902 (1.0.0)
    package62903 (1.0.0)
    package62904 (1.0.0)
    package62905 (1.0.0)
    package62906 (1.0.0)
    package62907 (1.0.0)
    package62908 (1.0.0)
    package62909 (1.0.0)
    package62910 (1.0.0)
    package62911 (1.0.0)
    package62912 (1.0.0)
    package62913 (1.0.0)
    package62914 (1.0.0)
    package62915 (1.0.0)
    package62916 (1.0.0)
    package62917 (1.0.0)
    package62918 (1.0.0)
    package62919 (1.0.0)
    package62920 (1.0.0)
    package62921 (1.0.0)
    package62922 (1.0.0)
    package62923 (1.0.0)
    package62924 (1.0.0)
    package62925 (1.0.0)
    package62926 (1.0.0)
    package62927 (1.0.0)
    package62928 (1.0.0)
    package62929 (1.0.0)
    package62930 (1.0.0)
    package62931 (1.0.0)
    package62932 (1.0.0)
    package62933 (1.0.0)
    package62934 (1.0.0)
    package62935 (1.0.0)
    package62936 (1.0.0)
    package62937 (1.0.0)
    package62938 (1.0.0)
    package62939 (1.0.0)
    package62940 (1.0.0)
    package62941 (1.0.0)
    package62942 (1.0.0)
    package62943 (1.0.0)
    package62944 (1.0.0)
    package62945 (1.0.0)
    package62946 (1.0.0)
    package62947 (1.0.0)
    package62948 (1.0.0)
    package62949 (1.0.0)
    package62950 (1.0.0)
    package62951 (1.0.0)
    package62952 (1.0.0)
    package62953 (1.0.0)
    package62954 (1.0.0)
    package62955 (1.0.0)
    package62956 (1.0.0)
    package62957 (1.0.0)
    package62958 (1.0.0)
    package62959 (1.0.0)
    package62960 (1.0.0)
    package62961 (1.0.0)
    package62962 (1.0.0)
    package62963 (1.0.0)
    package62964 (1.0.0)
    package62965 (1.0.0)
    package62966 (1.0.0)
    package62967 (1.0.0)
    package62968 (1.0.0)
    package62969 (1.0.0)
    package62970 (1.0.0)
    package62971 (1.0.0)
    package62972 (1.0.0)
    package62973 (1.0.0)
    package62974 (1.0.0)
    package62975 (1.0.0)
    package62976 (1.0.0)
    package62977 (1.0.0)
    package62978 (1.0.0)
    package62979 (1.0.0)
    package62980 (1.0.0)
    package62981 (1.0.0)
    package62982 (1.0.0)
    package62983 (1.0.0)
    package62984 (1.0.0)
    package62985 (1.0.0)
    package62986 (1.0.0)
    package62987 (1.0.0)
    package62988 (1.0.0)
    package62989 (1.0.0)
    package62990 (1.0.0)
    package62991 (1.0.0)
    package62992 (1.0.0)
    package62993 (1.0.0)
    package62994 (1.0.0)
    package62995 (1.0.0)
    package62996 (1.0.0)
    package62997 (1.0.0)
    package62998 (1.0.0)
    package62999 (1.0.0)
    package63000 (1.0.0)
    package63001 (1.0.0)
    package63002 (1.0.0)
    package63003 (1.0.0)
    package63004 (1.0.0)
    package63005 (1.0.0)
    package63006 (1.0.0)
    package63007 (1.0.0)
    package63008 (1.0.0)
    package63009 (1.0.0)
    package63010 (1.0.0)
    package63011 (1.0.0)
    package63012 (1.0.0)
    package63013 (1.0.0)
    package63014 (1.0.0)
    package63015 (1.0.0)
    package63016 (1.0.0)
    package63017 (1.0.0)
    package63018 (1.0.0)
    package63019 (1.0.0)
    package63020 (1.0.0)
    package63021 (1.0.0)
    package63022 (1.0.0)
    package63023 (1.0.0)
    package63024 (1.0.0)
    package63025 (1.0.0)
    package63026 (1.0.0)
    package63027 (1.0.0)
    package63028 (1.0.0)
    package63029 (1.0.0)
    package63030 (1.0.0)
    package63031 (1.0.0)
    package63032 (1.0.0)
    package63033 (1.0.0)
    package63034 (1.0.0)
    package63035 (1.0.0)
    package63036 (1.0.0)
    package63037 (1.0.0)
    package63038 (1.0.0)
    package63039 (1.0.0)
    package63040 (1.0.0)
    package63041 (1.0.0)
    package63042 (1.0.0)
    package63043 (1.0.0)
    package63044 (1.0.0)
    package63045 (1.0.0)
    package63046 (1.0.0)
    package63047 (1.0.0)
    package63048 (1.0.0)
    package63049 (1.0.0)
    package63050 (1.0.0)
    package63051 (1.0.0)
    package63052 (1.0.0)
    package63053 (1.0.0)
    package63054 (1.0.0)
    package63055 (1.0.0)
    package63056 (1.0.0)
    package63057 (1.0.0)
    package63058 (1.0.0)
    package63059 (1.0.0)
    package63060 (1.0.0)
    package63061 (1.0.0)
    package63062 (1.0.0)
    package63063 (1.0.0)
    package63064 (1.0.0)
    package63065 (1.0.0)
    package63066 (1.0.0)
    package63067 (1.0.0)
    package63068 (1.0.0)
    package63069 (1.0.0)
    package63070 (1.0.0)
    package63071 (1.0.0)
    package63072 (1.0.0)
    package63073 (1.0.0)
    package63074 (1.0.0)
    package63075 (1.0.0)
    package63076 (1.0.0)
    package63077 (1.0.0)
    package63078 (1.0.0)
    package63079 (1.0.0)
    package63080 (1.0.0)
    package63081 (1.0.0)
    package63082 (1.0.0)
    package63083 (1.0.0)
    package63084 (1.0.0)
    package63085 (1.0.0)
    package63086 (1.0.0)
    package63087 (1.0.0)
    package63088 (1.0.0)
    package63089 (1.0.0)
    package63090 (1.0.0)
    package63091 (1.0.0)
    package63092 (1.0.0)
    package63093 (1.0.0)
    package63094 (1.0.0)
    package63095 (1.0.0)
    package63096 (1.0.0)
    package63097 (1.0.0)
    package63098 (1.0.0)
    package63099 (1.0.0)
    package63100 (1.0.0)
    package63101 (1.0.0)
    package63102 (1.0.0)
    package63103 (1.0.0)
    package63104 (1.0.0)
    package63105 (1.0.0)
    package63106 (1.0.0)
    package63107 (1.0.0)
    package63108 (1.0.0)
    package63109 (1.0.0)
    package63110 (1.0.0)
    package63111 (1.0.0)
    package63112 (1.0.0)
    package63113 (1.0.0)
    package63114 (1.0.0)
    package63115 (1.0.0)
    package63116 (1.0.0)
    package63117 (1.0.0)
    package63118 (1.0.0)
    package63119 (1.0.0)
    package63120 (1.0.0)
    package63121 (1.0.0)
    package63122 (1.0.0)
    package63123 (1.0.0)
    package63124 (1.0.0)
    package63125 (1.0.0)
    package63126 (1.0.0)
    package63127 (1.0.0)
    package63128 (1.0.0)
    package63129 (1.0.0)
    package63130 (1.0.0)
    package63131 (1.0.0)
    package63132 (1.0.0)
    package63133 (1.0.0)
    package63134 (1.0.0)
    package63135 (1.0.0)
    package63136 (1.0.0)
    package63137 (1.0.0)
    package63138 (1.0.0)
    package63139 (1.0.0)
    package63140 (1.0.0)
    package63141 (1.0.0)
    package63142 (1.0.0)
    package63143 (1.0.0)
    package63144 (1.0.0)
    package63145 (1.0.0)
    package63146 (1.0.0)
    package63147 (1.0.0)
    package63148 (1.0.0)
    package63149 (1.0.0)
    package63150 (1.0.0)
    package63151 (1.0.0)
    package63152 (1.0.0)
    package63153 (1.0.0)
    package63154 (1.0.0)
    package63155 (1.0.0)
    package63156 (1.0.0)
    package63157 (1.0.0)
    package63158 (1.0.0)
    package63159 (1.0.0)
    package63160 (1.0.0)
    package63161 (1.0.0)
    package63162 (1.0.0)
    package63163 (1.0.0)
    package63164 (1.0.0)
    package63165 (1.0.0)
    package63166 (1.0.0)
    package63167 (1.0.0)
    package63168 (1.0.0)
    package63169 (1.0.0)
    package63170 (1.0.0)
    package63171 (1.0.0)
    package63172 (1.0.0)
    package63173 (1.0.0)
    package63174 (1.0.0)
    package63175 (1.0.0)
    package63176 (1.0.0)
    package63177 (1.0.0)
    package63178 (1.0.0)
    package63179 (1.0.0)
    package63180 (1.0.0)
    package63181 (1.0.0)
    package63182 (1.0.0)
    package63183 (1.0.0)
    package63184 (1.0.0)
    package63185 (1.0.0)
    package63186 (1.0.0)
    package63187 (1.0.0)
    package63188 (1.0.0)
    package63189 (1.0.0)
    package63190 (1.0.0)
    package63191 (1.0.0)
    package63192 (1.0.0)
    package63193 (1.0.0)
    package63194 (1.0.0)
    package63195 (1.0.0)
    package63196 (1.0.0)
    package63197 (1.0.0)
    package63198 (1.0.0)
    package63199 (1.0.0)
    package63200 (1.0.0)
    package63201 (1.0.0)
    package63202 (1.0.0)
    package63203 (1.0.0)
    package63204 (1.0.0)
    package63205 (1.0.0)
    package63206 (1.0.0)
    package63207 (1.0.0)
    package63208 (1.0.0)
    package63209 (1.0.0)
    package63210 (1.0.0)
    package63211 (1.0.0)
    package63212 (1.0.0)
    package63213 (1.0.0)
    package63214 (1.0.0)
    package63215 (1.0.0)
    package63216 (1.0.0)
    package63217 (1.0.0)
    package63218 (1.0.0)
    package63219 (1.0.0)
    package63220 (1.0.0)
    package63221 (1.0.0)
    package63222 (1.0.0)
    package63223 (1.0.0)
    package63224 (1.0.0)
    package63225 (1.0.0)
    package63226 (1.0.0)
    package63227 (1.0.0)
    package63228 (1.0.0)
    package63229 (1.0.0)
    package63230 (1.0.0)
    package63231 (1.0.0)
    package63232 (1.0.0)
    package63233 (1.0.0)
    package63234 (1.0.0)
    package63235 (1.0.0)
    package63236 (1.0.0)
    package63237 (1.0.0)
    package63238 (1.0.0)
    package63239 (1.0.0)
    package63240 (1.0.0)
    package63241 (1.0.0)
    package63242 (1.0.0)
    package63243 (1.0.0)
    package63244 (1.0.0)
    package63245 (1.0.0)
    package63246 (1.0.0)
    package63247 (1.0.0)
    package63248 (1.0.0)
    package63249 (1.0.0)
    package63250 (1.0.0)
    package63251 (1.0.0)
    package63252 (1.0.0)
    package63253 (1.0.0)
    package63254 (1.0.0)
    package63255 (1.0.0)
    package63256 (1.0.0)
    package63257 (1.0.0)
    package63258 (1.0.0)
    package63259 (1.0.0)
    package63260 (1.0.0)
    package63261 (1.0.0)
    package63262 (1.0.0)
    package63263 (1.0.0)
    package63264 (1.0.0)
    package63265 (1.0.0)
    package63266 (1.0.0)
    package63267 (1.0.0)
    package63268 (1.0.0)
    package63269 (1.0.0)
    package63270 (1.0.0)
    package63271 (1.0.0)
    package63272 (1.0.0)
    package63273 (1.0.0)
    package63274 (1.0.0)
    package63275 (1.0.0)
    package63276 (1.0.0)
    package63277 (1.0.0)
    package63278 (1.0.0)
    package63279 (1.0.0)
    package63280 (1.0.0)
    package63281 (1.0.0)
    package63282 (1.0.0)
    package63283 (1.0.0)
    package63284 (1.0.0)
    package63285 (1.0.0)
    package63286 (1.0.0)
    package63287 (1.0.0)
    package63288 (1.0.0)
    package63289 (1.0.0)
    package63290 (1.0.0)
    package63291 (1.0.0)
    package63292 (1.0.0)
    package63293 (1.0.0)
    package63294 (1.0.0)
    package63295 (1.0.0)
    package63296 (1.0.0)
    package63297 (1.0.0)
    package63298 (1.0.0)
    package63299 (1.0.0)
    package63300 (1.0.0)
    package63301 (1.0.0)
    package63302 (1.0.0)
    package63303 (1.0.0)
    package63304 (1.0.0)
    package63305 (1.0.0)
    package63306 (1.0.0)
    package63307 (1.0.0)
    package63308 (1.0.0)
    package63309 (1.0.0)
    package63310 (1.0.0)
    package63311 (1.0.0)
    package63312 (1.0.0)
    package63313 (1.0.0)
    package63314 (1.0.0)
    package63315 (1.0.0)
    package63316 (1.0.0)
    package63317 (1.0.0)
    package63318 (1.0.0)
    package63319 (1.0.0)
    package63320 (1.0.0)
    package63321 (1.0.0)
    package63322 (1.0.0)
    package63323 (1.0.0)
    package63324 (1.0.0)
    package63325 (1.0.0)
    package63326 (1.0.0)
    package63327 (1.0.0)
    package63328 (1.0.0)
    package63329 (1.0.0)
    package63330 (1.0.0)
    package63331 (1.0.0)
    package63332 (1.0.0)
    package63333 (1.0.0)
    package63334 (1.0.0)
    package63335 (1.0.0)
    package63336 (1.0.0)
    package63337 (1.0.0)
    package63338 (1.0.0)
    package63339 (1.0.0)
    package63340 (1.0.0)
    package63341 (1.0.0)
    package63342 (1.0.0)
    package63343 (1.0.0)
    package63344 (1.0.0)
    package63345 (1.0.0)
    package63346 (1.0.0)
    package63347 (1.0.0)
    package63348 (1.0.0)
    package63349 (1.0.0)
    package63350 (1.0.0)
    package63351 (1.0.0)
    package63352 (1.0.0)
    package63353 (1.0.0)
    package63354 (1.0.0)
    package63355 (1.0.0)
    package63356 (1.0.0)
    package63357 (1.0.0)
    package63358 (1.0.0)
    package63359 (1.0.0)
    package63360 (1.0.0)
    package63361 (1.0.0)
    package63362 (1.0.0)
    package63363 (1.0.0)
    package63364 (1.0.0)
    package63365 (1.0.0)
    package63366 (1.0.0)
    package63367 (1.0.0)
    package63368 (1.0.0)
    package63369 (1.0.0)
    package63370 (1.0.0)
    package63371 (1.0.0)
    package63372 (1.0.0)
    package63373 (1.0.0)
    package63374 (1.0.0)
    package63375 (1.0.0)
    package63376 (1.0.0)
    package63377 (1.0.0)
    package63378 (1.0.0)
    package63379 (1.0.0)
    package63380 (1.0.0)
    package63381 (1.0.0)
    package63382 (1.0.0)
    package63383 (1.0.0)
    package63384 (1.0.0)
    package63385 (1.0.0)
    package63386 (1.0.0)
    package63387 (1.0.0)
    package63388 (1.0.0)
    package63389 (1.0.0)
    package63390 (1.0.0)
    package63391 (1.0.0)
    package63392 (1.0.0)
    package63393 (1.0.0)
    package63394 (1.0.0)
    package63395 (1.0.0)
    package63396 (1.0.0)
    package63397 (1.0.0)
    package63398 (1.0.0)
    package63399 (1.0.0)
    package63400 (1.0.0)
    package63401 (1.0.0)
    package63402 (1.0.0)
    package63403 (1.0.0)
    package63404 (1.0.0)
    package63405 (1.0.0)
    package63406 (1.0.0)
    package63407 (1.0.0)
    package63408 (1.0.0)
    package63409 (1.0.0)
    package63410 (1.0.0)
    package63411 (1.0.0)
    package63412 (1.0.0)
    package63413 (1.0.0)
    package63414 (1.0.0)
    package63415 (1.0.0)
    package63416 (1.0.0)
    package63417 (1.0.0)
    package63418 (1.0.0)
    package63419 (1.0.0)
    package63420 (1.0.0)
    package63421 (1.0.0)
    package63422 (1.0.0)
    package63423 (1.0.0)
    package63424 (1.0.0)
    package63425 (1.0.0)
    package63426 (1.0.0)
    package63427 (1.0.0)
    package63428 (1.0.0)
    package63429 (1.0.0)
    package63430 (1.0.0)
    package63431 (1.0.0)
    package63432 (1.0.0)
    package63433 (1.0.0)
    package63434 (1.0.0)
    package63435 (1.0.0)
    package63436 (1.0.0)
    package63437 (1.0.0)
    package63438 (1.0.0)
    package63439 (1.0.0)
    package63440 (1.0.0)
    package63441 (1.0.0)
    package63442 (1.0.0)
    package63443 (1.0.0)
    package63444 (1.0.0)
    package63445 (1.0.0)
    package63446 (1.0.0)
    package63447 (1.0.0)
    package63448 (1.0.0)
    package63449 (1.0.0)
    package63450 (1.0.0)
    package63451 (1.0.0)
    package63452 (1.0.0)
    package63453 (1.0.0)
    package63454 (1.0.0)
    package63455 (1.0.0)
    package63456 (1.0.0)
    package63457 (1.0.0)
    package63458 (1.0.0)
    package63459 (1.0.0)
    package63460 (1.0.0)
    package63461 (1.0.0)
    package63462 (1.0.0)
    package63463 (1.0.0)
    package63464 (1.0.0)
    package63465 (1.0.0)
    package63466 (1.0.0)
    package63467 (1.0.0)
    package63468 (1.0.0)
    package63469 (1.0.0)
    package63470 (1.0.0)
    package63471 (1.0.0)
    package63472 (1.0.0)
    package63473 (1.0.0)
    package63474 (1.0.0)
    package63475 (1.0.0)
    package63476 (1.0.0)
    package63477 (1.0.0)
    package63478 (1.0.0)
    package63479 (1.0.0)
    package63480 (1.0.0)
    package63481 (1.0.0)
    package63482 (1.0.0)
    package63483 (1.0.0)
    package63484 (1.0.0)
    package63485 (1.0.0)
    package63486 (1.0.0)
    package63487 (1.0.0)
    package63488 (1.0.0)
    package63489 (1.0.0)
    package63490 (1.0.0)
    package63491 (1.0.0)
    package63492 (1.0.0)
    package63493 (1.0.0)
    package63494 (1.0.0)
    package63495 (1.0.0)
    package63496 (1.0.0)
    package63497 (1.0.0)
    package63498 (1.0.0)
    package63499 (1.0.0)
    package63500 (1.0.0)
    package63501 (1.0.0)
    package63502 (1.0.0)
    package63503 (1.0.0)
    package63504 (1.0.0)
    package63505 (1.0.0)
    package63506 (1.0.0)
    package63507 (1.0.0)
    package63508 (1.0.0)
    package63509 (1.0.0)
    package63510 (1.0.0)
    package63511 (1.0.0)
    package63512 (1.0.0)
    package63513 (1.0.0)
    package63514 (1.0.0)
    package63515 (1.0.0)
    package63516 (1.0.0)
    package63517 (1.0.0)
    package63518 (1.0.0)
    package63519 (1.0.0)
    package63520 (1.0.0)
    package63521 (1.0.0)
    package63522 (1.0.0)
    package63523 (1.0.0)
    package63524 (1.0.0)
    package63525 (1.0.0)
    package63526 (1.0.0)
    package63527 (1.0.0)
    package63528 (1.0.0)
    package63529 (1.0.0)
    package63530 (1.0.0)
    package63531 (1.0.0)
    package63532 (1.0.0)
    package63533 (1.0.0)
    package63534 (1.0.0)
    package63535 (1.0.0)
    package63536 (1.0.0)
    package63537 (1.0.0)
    package63538 (1.0.0)
    package63539 (1.0.0)
    package63540 (1.0.0)
    package63541 (1.0.0)
    package63542 (1.0.0)
    package63543 (1.0.0)
    package63544 (1.0.0)
    package63545 (1.0.0)
    package63546 (1.0.0)
    package63547 (1.0.0)
    package63548 (1.0.0)
    package63549 (1.0.0)
    package63550 (1.0.0)
    package63551 (1.0.0)
    package63552 (1.0.0)
    package63553 (1.0.0)
    package63554 (1.0.0)
    package63555 (1.0.0)
    package63556 (1.0.0)
    package63557 (1.0.0)
    package63558 (1.0.0)
    package63559 (1.0.0)
    package63560 (1.0.0)
    package63561 (1.0.0)
    package63562 (1.0.0)
    package63563 (1.0.0)
    package63564 (1.0.0)
    package63565 (1.0.0)
    package63566 (1.0.0)
    package63567 (1.0.0)
    package63568 (1.0.0)
    package63569 (1.0.0)
    package63570 (1.0.0)
    package63571 (1.0.0)
    package63572 (1.0.0)
    package63573 (1.0.0)
    package63574 (1.0.0)
    package63575 (1.0.0)
    package63576 (1.0.0)
    package63577 (1.0.0)
    package63578 (1.0.0)
    package63579 (1.0.0)
    package63580 (1.0.0)
    package63581 (1.0.0)
    package63582 (1.0.0)
    package63583 (1.0.0)
    package63584 (1.0.0)
    package63585 (1.0.0)
    package63586 (1.0.0)
    package63587 (1.0.0)
    package63588 (1.0.0)
    package63589 (1.0.0)
    package63590 (1.0.0)
    package63591 (1.0.0)
    package63592 (1.0.0)
    package63593 (1.0.0)
    package63594 (1.0.0)
    package63595 (1.0.0)
    package63596 (1.0.0)
    package63597 (1.0.0)
    package63598 (1.0.0)
    package63599 (1.0.0)
    package63600 (1.0.0)
    package63601 (1.0.0)
    package63602 (1.0.0)
    package63603 (1.0.0)
    package63604 (1.0.0)
    package63605 (1.0.0)
    package63606 (1.0.0)
    package63607 (1.0.0)
    package63608 (1.0.0)
    package63609 (1.0.0)
    package63610 (1.0.0)
    package63611 (1.0.0)
    package63612 (1.0.0)
    package63613 (1.0.0)
    package63614 (1.0.0)
    package63615 (1.0.0)
    package63616 (1.0.0)
    package63617 (1.0.0)
    package63618 (1.0.0)
    package63619 (1.0.0)
    package63620 (1.0.0)
    package63621 (1.0.0)
    package63622 (1.0.0)
    package63623 (1.0.0)
    package63624 (1.0.0)
    package63625 (1.0.0)
    package63626 (1.0.0)
    package63627 (1.0.0)
    package63628 (1.0.0)
    package63629 (1.0.0)
    package63630 (1.0.0)
    package63631 (1.0.0)
    package63632 (1.0.0)
    package63633 (1.0.0)
    package63634 (1.0.0)
    package63635 (1.0.0)
    package63636 (1.0.0)
    package63637 (1.0.0)
    package63638 (1.0.0)
    package63639 (1.0.0)
    package63640 (1.0.0)
    package63641 (1.0.0)
    package63642 (1.0.0)
    package63643 (1.0.0)
    package63644 (1.0.0)
    package63645 (1.0.0)
    package63646 (1.0.0)
    package63647 (1.0.0)
    package63648 (1.0.0)
    package63649 (1.0.0)
    package63650 (1.0.0)
    package63651 (1.0.0)
    package63652 (1.0.0)
    package63653 (1.0.0)
    package63654 (1.0.0)
    package63655 (1.0.0)
    package63656 (1.0.0)
    package63657 (1.0.0)
    package63658 (1.0.0)
    package63659 (1.0.0)
    package63660 (1.0.0)
    package63661 (1.0.0)
    package63662 (1.0.0)
    package63663 (1.0.0)
    package63664 (1.0.0)
    package63665 (1.0.0)
    package63666 (1.0.0)
    package63667 (1.0.0)
    package63668 (1.0.0)
    package63669 (1.0.0)
    package63670 (1.0.0)
    package63671 (1.0.0)
    package63672 (1.0.0)
    package63673 (1.0.0)
    package63674 (1.0.0)
    package63675 (1.0.0)
    package63676 (1.0.0)
    package63677 (1.0.0)
    package63678 (1.0.0)
    package63679 (1.0.0)
    package63680 (1.0.0)
    package63681 (1.0.0)
    package63682 (1.0.0)
    package63683 (1.0.0)
    package63684 (1.0.0)
    package63685 (1.0.0)
    package63686 (1.0.0)
    package63687 (1.0.0)
    package63688 (1.0.0)
    package63689 (1.0.0)
    package63690 (1.0.0)
    package63691 (1.0.0)
    package63692 (1.0.0)
    package63693 (1.0.0)
    package63694 (1.0.0)
    package63695 (1.0.0)
    package63696 (1.0.0)
    package63697 (1.0.0)
    package63698 (1.0.0)
    package63699 (1.0.0)
    package63700 (1.0.0)
    package63701 (1.0.0)
    package63702 (1.0.0)
    package63703 (1.0.0)
    package63704 (1.0.0)
    package63705 (1.0.0)
    package63706 (1.0.0)
    package63707 (1.0.0)
    package63708 (1.0.0)
    package63709 (1.0.0)
    package63710 (1.0.0)
    package63711 (1.0.0)
    package63712 (1.0.0)
    package63713 (1.0.0)
    package63714 (1.0.0)
    package63715 (1.0.0)
    package63716 (1.0.0)
    package63717 (1.0.0)
    package63718 (1.0.0)
    package63719 (1.0.0)
    package63720 (1.0.0)
    package63721 (1.0.0)
    package63722 (1.0.0)
    package63723 (1.0.0)
    package63724 (1.0.0)
    package63725 (1.0.0)
    package63726 (1.0.0)
    package63727 (1.0.0)
    package63728 (1.0.0)
    package63729 (1.0.0)
    package63730 (1.0.0)
    package63731 (1.0.0)
    package63732 (1.0.0)
    package63733 (1.0.0)
    package63734 (1.0.0)
    package63735 (1.0.0)
    package63736 (1.0.0)
    package63737 (1.0.0)
    package63738 (1.0.0)
    package63739 (1.0.0)
    package63740 (1.0.0)
    package63741 (1.0.0)
    package63742 (1.0.0)
    package63743 (1.0.0)
    package63744 (1.0.0)
    package63745 (1.0.0)
    package63746 (1.0.0)
    package63747 (1.0.0)
    package63748 (1.0.0)
    package63749 (1.0.0)
    package63750 (1.0.0)
    package63751 (1.0.0)
    package63752 (1.0.0)
    package63753 (1.0.0)
    package63754 (1.0.0)
    package63755 (1.0.0)
    package63756 (1.0.0)
    package63757 (1.0.0)
    package63758 (1.0.0)
    package63759 (1.0.0)
    package63760 (1.0.0)
    package63761 (1.0.0)
    package63762 (1.0.0)
    package63763 (1.0.0)
    package63764 (1.0.0)
    package63765 (1.0.0)
    package63766 (1.0.0)
    package63767 (1.0.0)
    package63768 (1.0.0)
    package63769 (1.0.0)
    package63770 (1.0.0)
    package63771 (1.0.0)
    package63772 (1.0.0)
    package63773 (1.0.0)
    package63774 (1.0.0)
    package63775 (1.0.0)
    package63776 (1.0.0)
    package63777 (1.0.0)
    package63778 (1.0.0)
    package63779 (1.0.0)
    package63780 (1.0.0)
    package63781 (1.0.0)
    package63782 (1.0.0)
    package63783 (1.0.0)
    package63784 (1.0.0)
    package63785 (1.0.0)
    package63786 (1.0.0)
    package63787 (1.0.0)
    package63788 (1.0.0)
    package63789 (1.0.0)
    package63790 (1.0.0)
    package63791 (1.0.0)
    package63792 (1.0.0)
    package63793 (1.0.0)
    package63794 (1.0.0)
    package63795 (1.0.0)
    package63796 (1.0.0)
    package63797 (1.0.0)
    package63798 (1.0.0)
    package63799 (1.0.0)
    package63800 (1.0.0)
    package63801 (1.0.0)
    package63802 (1.0.0)
    package63803 (1.0.0)
    package63804 (1.0.0)
    package63805 (1.0.0)
    package63806 (1.0.0)
    package63807 (1.0.0)
    package63808 (1.0.0)
    package63809 (1.0.0)
    package63810 (1.0.0)
    package63811 (1.0.0)
    package63812 (1.0.0)
    package63813 (1.0.0)
    package63814 (1.0.0)
    package63815 (1.0.0)
    package63816 (1.0.0)
    package63817 (1.0.0)
    package63818 (1.0.0)
    package63819 (1.0.0)
    package63820 (1.0.0)
    package63821 (1.0.0)
    package63822 (1.0.0)
    package63823 (1.0.0)
    package63824 (1.0.0)
    package63825 (1.0.0)
    package63826 (1.0.0)
    package63827 (1.0.0)
    package63828 (1.0.0)
    package63829 (1.0.0)
    package63830 (1.0.0)
    package63831 (1.0.0)
    package63832 (1.0.0)
    package63833 (1.0.0)
    package63834 (1.0.0)
    package63835 (1.0.0)
    package63836 (1.0.0)
    package63837 (1.0.0)
    package63838 (1.0.0)
    package63839 (1.0.0)
    package63840 (1.0.0)
    package63841 (1.0.0)
    package63842 (1.0.0)
    package63843 (1.0.0)
    package63844 (1.0.0)
    package63845 (1.0.0)
    package63846 (1.0.0)
    package63847 (1.0.0)
    package63848 (1.0.0)
    package63849 (1.0.0)
    package63850 (1.0.0)
    package63851 (1.0.0)
    package63852 (1.0.0)
    package63853 (1.0.0)
    package63854 (1.0.0)
    package63855 (1.0.0)
    package63856 (1.0.0)
    package63857 (1.0.0)
    package63858 (1.0.0)
    package63859 (1.0.0)
    package63860 (1.0.0)
    package63861 (1.0.0)
    package63862 (1.0.0)
    package63863 (1.0.0)
    package63864 (1.0.0)
    package63865 (1.0.0)
    package63866 (1.0.0)
    package63867 (1.0.0)
    package63868 (1.0.0)
    package63869 (1.0.0)
    package63870 (1.0.0)
    package63871 (1.0.0)
    package63872 (1.0.0)
    package63873 (1.0.0)
    package63874 (1.0.0)
    package63875 (1.0.0)
    package63876 (1.0.0)
    package63877 (1.0.0)
    package63878 (1.0.0)
    package63879 (1.0.0)
    package63880 (1.0.0)
    package63881 (1.0.0)
    package63882 (1.0.0)
    package63883 (1.0.0)
    package63884 (1.0.0)
    package63885 (1.0.0)
    package63886 (1.0.0)
    package63887 (1.0.0)
    package63888 (1.0.0)
    package63889 (1.0.0)
    package63890 (1.0.0)
    package63891 (1.0.0)
    package63892 (1.0.0)
    package63893 (1.0.0)
    package63894 (1.0.0)
    package63895 (1.0.0)
    package63896 (1.0.0)
    package63897 (1.0.0)
    package63898 (1.0.0)
    package63899 (1.0.0)
    package63900 (1.0.0)
    package63901 (1.0.0)
    package63902 (1.0.0)
    package63903 (1.0.0)
    package63904 (1.0.0)
    package63905 (1.0.0)
    package63906 (1.0.0)
    package63907 (1.0.0)
    package63908 (1.0.0)
    package63909 (1.0.0)
    package63910 (1.0.0)
    package63911 (1.0.0)
    package63912 (1.0.0)
    package63913 (1.0.0)
    package63914 (1.0.0)
    package63915 (1.0.0)
    package63916 (1.0.0)
    package63917 (1.0.0)
    package63918 (1.0.0)
    package63919 (1.0.0)
    package63920 (1.0.0)
    package63921 (1.0.0)
    package63922 (1.0.0)
    package63923 (1.0.0)
    package63924 (1.0.0)
    package63925 (1.0.0)
    package63926 (1.0.0)
    package63927 (1.0.0)
    package63928 (1.0.0)
    package63929 (1.0.0)
    package63930 (1.0.0)
    package63931 (1.0.0)
    package63932 (1.0.0)
    package63933 (1.0.0)
    package63934 (1.0.0)
    package63935 (1.0.0)
    package63936 (1.0.0)
    package63937 (1.0.0)
    package63938 (1.0.0)
    package63939 (1.0.0)
    package63940 (1.0.0)
    package63941 (1.0.0)
    package63942 (1.0.0)
    package63943 (1.0.0)
    package63944 (1.0.0)
    package63945 (1.0.0)
    package63946 (1.0.0)
    package63947 (1.0.0)
    package63948 (1.0.0)
    package63949 (1.0.0)
    package63950 (1.0.0)
    package63951 (1.0.0)
    package63952 (1.0.0)
    package63953 (1.0.0)
    package63954 (1.0.0)
    package63955 (1.0.0)
    package63956 (1.0.0)
    package63957 (1.0.0)
    package63958 (1.0.0)
    package63959 (1.0.0)
    package63960 (1.0.0)
    package63961 (1.0.0)
    package63962 (1.0.0)
    package63963 (1.0.0)
    package63964 (1.0.0)
    package63965 (1.0.0)
    package63966 (1.0.0)
    package63967 (1.0.0)
    package63968 (1.0.0)
    package63969 (1.0.0)
    package63970 (1.0.0)
    package63971 (1.0.0)
    package63972 (1.0.0)
    package63973 (1.0.0)
    package63974 (1.0.0)
    package63975 (1.0.0)
    package63976 (1.0.0)
    package63977 (1.0.0)
    package63978 (1.0.0)
    package63979 (1.0.0)
    package63980 (1.0.0)
    package63981 (1.0.0)
    package63982 (1.0.0)
    package63983 (1.0.0)
    package63984 (1.0.0)
    package63985 (1.0.0)
    package63986 (1.0.0)
    package63987 (1.0.0)
    package63988 (1.0.0)
    package63989 (1.0.0)
    package63990 (1.0.0)
    package63991 (1.0.0)
    package63992 (1.0.0)
    package63993 (1.0.0)
    package63994 (1.0.0)
    package63995 (1.0.0)
    package63996 (1.0.0)
    package63997 (1.0.0)
    package63998 (1.0.0)
    package63999 (1.0.0)
    package64000 (1.0.0)
    package64001 (1.0.0)
    package64002 (1.0.0)
    package64003 (1.0.0)
    package64004 (1.0.0)
    package64005 (1.0.0)
    package64006 (1.0.0)
    package64007 (1.0.0)
    package64008 (1.0.0)
    package64009 (1.0.0)
    package64010 (1.0.0)
    package64011 (1.0.0)
    package64012 (1.0.0)
    package64013 (1.0.0)
    package64014 (1.0.0)
    package64015 (1.0.0)
    package64016 (1.0.0)
    package64017 (1.0.0)
    package64018 (1.0.0)
    package64019 (1.0.0)
    package64020 (1.0.0)
    package64021 (1.0.0)
    package64022 (1.0.0)
    package64023 (1.0.0)
    package64024 (1.0.0)
    package64025 (1.0.0)
    package64026 (1.0.0)
    package64027 (1.0.0)
    package64028 (1.0.0)
    package64029 (1.0.0)
    package64030 (1.0.0)
    package64031 (1.0.0)
    package64032 (1.0.0)
    package64033 (1.0.0)
    package64034 (1.0.0)
    package64035 (1.0.0)
    package64036 (1.0.0)
    package64037 (1.0.0)
    package64038 (1.0.0)
    package64039 (1.0.0)
    package64040 (1.0.0)
    package64041 (1.0.0)
    package64042 (1.0.0)
    package64043 (1.0.0)
    package64044 (1.0.0)
    package64045 (1.0.0)
    package64046 (1.0.0)
    package64047 (1.0.0)
    package64048 (1.0.0)
    package64049 (1.0.0)
    package64050 (1.0.0)
    package64051 (1.0.0)
    package64052 (1.0.0)
    package64053 (1.0.0)
    package64054 (1.0.0)
    package64055 (1.0.0)
    package64056 (1.0.0)
    package64057 (1.0.0)
    package64058 (1.0.0)
    package64059 (1.0.0)
    package64060 (1.0.0)
    package64061 (1.0.0)
    package64062 (1.0.0)
    package64063 (1.0.0)
    package64064 (1.0.0)
    package64065 (1.0.0)
    package64066 (1.0.0)
    package64067 (1.0.0)
    package64068 (1.0.0)
    package64069 (1.0.0)
    package64070 (1.0.0)
    package64071 (1.0.0)
    package64072 (1.0.0)
    package64073 (1.0.0)
    package64074 (1.0.0)
    package64075 (1.0.0)
    package64076 (1.0.0)
    package64077 (1.0.0)
    package64078 (1.0.0)
    package64079 (1.0.0)
    package64080 (1.0.0)
    package64081 (1.0.0)
    package64082 (1.0.0)
    package64083 (1.0.0)
    package64084 (1.0.0)
    package64085 (1.0.0)
    package64086 (1.0.0)
    package64087 (1.0.0)
    package64088 (1.0.0)
    package64089 (1.0.0)
    package64090 (1.0.0)
    package64091 (1.0.0)
    package64092 (1.0.0)
    package64093 (1.0.0)
    package64094 (1.0.0)
    package64095 (1.0.0)
    package64096 (1.0.0)
    package64097 (1.0.0)
    package64098 (1.0.0)
    package64099 (1.0.0)
    package64100 (1.0.0)
    package64101 (1.0.0)
    package64102 (1.0.0)
    package64103 (1.0.0)
    package64104 (1.0.0)
    package64105 (1.0.0)
    package64106 (1.0.0)
    package64107 (1.0.0)
    package64108 (1.0.0)
    package64109 (1.0.0)
    package64110 (1.0.0)
    package64111 (1.0.0)
    package64112 (1.0.0)
    package64113 (1.0.0)
    package64114 (1.0.0)
    package64115 (1.0.0)
    package64116 (1.0.0)
    package64117 (1.0.0)
    package64118 (1.0.0)
    package64119 (1.0.0)
    package64120 (1.0.0)
    package64121 (1.0.0)
    package64122 (1.0.0)
    package64123 (1.0.0)
    package64124 (1.0.0)
    package64125 (1.0.0)
    package64126 (1.0.0)
    package64127 (1.0.0)
    package64128 (1.0.0)
    package64129 (1.0.0)
    package64130 (1.0.0)
    package64131 (1.0.0)
    package64132 (1.0.0)
    package64133 (1.0.0)
    package64134 (1.0.0)
    package64135 (1.0.0)
    package64136 (1.0.0)
    package64137 (1.0.0)
    package64138 (1.0.0)
    package64139 (1.0.0)
    package64140 (1.0.0)
    package64141 (1.0.0)
    package64142 (1.0.0)
    package64143 (1.0.0)
    package64144 (1.0.0)
    package64145 (1.0.0)
    package64146 (1.0.0)
    package64147 (1.0.0)
    package64148 (1.0.0)
    package64149 (1.0.0)
    package64150 (1.0.0)
    package64151 (1.0.0)
    package64152 (1.0.0)
    package64153 (1.0.0)
    package64154 (1.0.0)
    package64155 (1.0.0)
    package64156 (1.0.0)
    package64157 (1.0.0)
    package64158 (1.0.0)
    package64159 (1.0.0)
    package64160 (1.0.0)
    package64161 (1.0.0)
    package64162 (1.0.0)
    package64163 (1.0.0)
    package64164 (1.0.0)
    package64165 (1.0.0)
    package64166 (1.0.0)
    package64167 (1.0.0)
    package64168 (1.0.0)
    package64169 (1.0.0)
    package64170 (1.0.0)
    package64171 (1.0.0)
    package64172 (1.0.0)
    package64173 (1.0.0)
    package64174 (1.0.0)
    package64175 (1.0.0)
    package64176 (1.0.0)
    package64177 (1.0.0)
    package64178 (1.0.0)
    package64179 (1.0.0)
    package64180 (1.0.0)
    package64181 (1.0.0)
    package64182 (1.0.0)
    package64183 (1.0.0)
    package64184 (1.0.0)
    package64185 (1.0.0)
    package64186 (1.0.0)
    package64187 (1.0.0)
    package64188 (1.0.0)
    package64189 (1.0.0)
    package64190 (1.0.0)
    package64191 (1.0.0)
    package64192 (1.0.0)
    package64193 (1.0.0)
    package64194 (1.0.0)
    package64195 (1.0.0)
    package64196 (1.0.0)
    package64197 (1.0.0)
    package64198 (1.0.0)
    package64199 (1.0.0)
    package64200 (1.0.0)
    package64201 (1.0.0)
    package64202 (1.0.0)
    package64203 (1.0.0)
    package64204 (1.0.0)
    package64205 (1.0.0)
    package64206 (1.0.0)
    package64207 (1.0.0)
    package64208 (1.0.0)
    package64209 (1.0.0)
    package64210 (1.0.0)
    package64211 (1.0.0)
    package64212 (1.0.0)
    package64213 (1.0.0)
    package64214 (1.0.0)
    package64215 (1.0.0)
    package64216 (1.0.0)
    package64217 (1.0.0)
    package64218 (1.0.0)
    package64219 (1.0.0)
    package64220 (1.0.0)
    package64221 (1.0.0)
    package64222 (1.0.0)
    package64223 (1.0.0)
    package64224 (1.0.0)
    package64225 (1.0.0)
    package64226 (1.0.0)
    package64227 (1.0.0)
    package64228 (1.0.0)
    package64229 (1.0.0)
    package64230 (1.0.0)
    package64231 (1.0.0)
    package64232 (1.0.0)
    package64233 (1.0.0)
    package64234 (1.0.0)
    package64235 (1.0.0)
    package64236 (1.0.0)
    package64237 (1.0.0)
    package64238 (1.0.0)
    package64239 (1.0.0)
    package64240 (1.0.0)
    package64241 (1.0.0)
    package64242 (1.0.0)
    package64243 (1.0.0)
    package64244 (1.0.0)
    package64245 (1.0.0)
    package64246 (1.0.0)
    package64247 (1.0.0)
    package64248 (1.0.0)
    package64249 (1.0.0)
    package64250 (1.0.0)
    package64251 (1.0.0)
    package64252 (1.0.0)
    package64253 (1.0.0)
    package64254 (1.0.0)
    package64255 (1.0.0)
    package64256 (1.0.0)
    package64257 (1.0.0)
    package64258 (1.0.0)
    package64259 (1.0.0)
    package64260 (1.0.0)
    package64261 (1.0.0)
    package64262 (1.0.0)
    package64263 (1.0.0)
    package64264 (1.0.0)
    package64265 (1.0.0)
    package64266 (1.0.0)
    package64267 (1.0.0)
    package64268 (1.0.0)
    package64269 (1.0.0)
    package64270 (1.0.0)
    package64271 (1.0.0)
    package64272 (1.0.0)
    package64273 (1.0.0)
    package64274 (1.0.0)
    package64275 (1.0.0)
    package64276 (1.0.0)
    package64277 (1.0.0)
    package64278 (1.0.0)
    package64279 (1.0.0)
    package64280 (1.0.0)
    package64281 (1.0.0)
    package64282 (1.0.0)
    package64283 (1.0.0)
    package64284 (1.0.0)
    package64285 (1.0.0)
    package64286 (1.0.0)
    package64287 (1.0.0)
    package64288 (1.0.0)
    package64289 (1.0.0)
    package64290 (1.0.0)
    package64291 (1.0.0)
    package64292 (1.0.0)
    package64293 (1.0.0)
    package64294 (1.0.0)
    package64295 (1.0.0)
    package64296 (1.0.0)
    package64297 (1.0.0)
    package64298 (1.0.0)
    package64299 (1.0.0)
    package64300 (1.0.0)
    package64301 (1.0.0)
    package64302 (1.0.0)
    package64303 (1.0.0)
    package64304 (1.0.0)
    package64305 (1.0.0)
    package64306 (1.0.0)
    package64307 (1.0.0)
    package64308 (1.0.0)
    package64309 (1.0.0)
    package64310 (1.0.0)
    package64311 (1.0.0)
    package64312 (1.0.0)
    package64313 (1.0.0)
    package64314 (1.0.0)
    package64315 (1.0.0)
    package64316 (1.0.0)
    package64317 (1.0.0)
    package64318 (1.0.0)
    package64319 (1.0.0)
    package64320 (1.0.0)
    package64321 (1.0.0)
    package64322 (1.0.0)
    package64323 (1.0.0)
    package64324 (1.0.0)
    package64325 (1.0.0)
    package64326 (1.0.0)
    package64327 (1.0.0)
    package64328 (1.0.0)
    package64329 (1.0.0)
    package64330 (1.0.0)
    package64331 (1.0.0)
    package64332 (1.0.0)
    package64333 (1.0.0)
    package64334 (1.0.0)
    package64335 (1.0.0)
    package64336 (1.0.0)
    package64337 (1.0.0)
    package64338 (1.0.0)
    package64339 (1.0.0)
    package64340 (1.0.0)
    package64341 (1.0.0)
    package64342 (1.0.0)
    package64343 (1.0.0)
    package64344 (1.0.0)
    package64345 (1.0.0)
    package64346 (1.0.0)
    package64347 (1.0.0)
    package64348 (1.0.0)
    package64349 (1.0.0)
    package64350 (1.0.0)
    package64351 (1.0.0)
    package64352 (1.0.0)
    package64353 (1.0.0)
    package64354 (1.0.0)
    package64355 (1.0.0)
    package64356 (1.0.0)
    package64357 (1.0.0)
    package64358 (1.0.0)
    package64359 (1.0.0)
    package64360 (1.0.0)
    package64361 (1.0.0)
    package64362 (1.0.0)
    package64363 (1.0.0)
    package64364 (1.0.0)
    package64365 (1.0.0)
    package64366 (1.0.0)
    package64367 (1.0.0)
    package64368 (1.0.0)
    package64369 (1.0.0)
    package64370 (1.0.0)
    package64371 (1.0.0)
    package64372 (1.0.0)
    package64373 (1.0.0)
    package64374 (1.0.0)
    package64375 (1.0.0)
    package64376 (1.0.0)
    package64377 (1.0.0)
    package64378 (1.0.0)
    package64379 (1.0.0)
    package64380 (1.0.0)
    package64381 (1.0.0)
    package64382 (1.0.0)
    package64383 (1.0.0)
    package64384 (1.0.0)
    package64385 (1.0.0)
    package64386 (1.0.0)
    package64387 (1.0.0)
    package64388 (1.0.0)
    package64389 (1.0.0)
    package64390 (1.0.0)
    package64391 (1.0.0)
    package64392 (1.0.0)
    package64393 (1.0.0)
    package64394 (1.0.0)
    package64395 (1.0.0)
    package64396 (1.0.0)
    package64397 (1.0.0)
    package64398 (1.0.0)
    package64399 (1.0.0)
    package64400 (1.0.0)
    package64401 (1.0.0)
    package64402 (1.0.0)
    package64403 (1.0.0)
    package64404 (1.0.0)
    package64405 (1.0.0)
    package64406 (1.0.0)
    package64407 (1.0.0)
    package64408 (1.0.0)
    package64409 (1.0.0)
    package64410 (1.0.0)
    package64411 (1.0.0)
    package64412 (1.0.0)
    package64413 (1.0.0)
    package64414 (1.0.0)
    package64415 (1.0.0)
    package64416 (1.0.0)
    package64417 (1.0.0)
    package64418 (1.0.0)
    package64419 (1.0.0)
    package64420 (1.0.0)
    package64421 (1.0.0)
    package64422 (1.0.0)
    package64423 (1.0.0)
    package64424 (1.0.0)
    package64425 (1.0.0)
    package64426 (1.0.0)
    package64427 (1.0.0)
    package64428 (1.0.0)
    package64429 (1.0.0)
    package64430 (1.0.0)
    package64431 (1.0.0)
    package64432 (1.0.0)
    package64433 (1.0.0)
    package64434 (1.0.0)
    package64435 (1.0.0)
    package64436 (1.0.0)
    package64437 (1.0.0)
    package64438 (1.0.0)
    package64439 (1.0.0)
    package64440 (1.0.0)
    package64441 (1.0.0)
    package64442 (1.0.0)
    package64443 (1.0.0)
    package64444 (1.0.0)
    package64445 (1.0.0)
    package64446 (1.0.0)
    package64447 (1.0.0)
    package64448 (1.0.0)
    package64449 (1.0.0)
    package64450 (1.0.0)
    package64451 (1.0.0)
    package64452 (1.0.0)
    package64453 (1.0.0)
    package64454 (1.0.0)
    package64455 (1.0.0)
    package64456 (1.0.0)
    package64457 (1.0.0)
    package64458 (1.0.0)
    package64459 (1.0.0)
    package64460 (1.0.0)
    package64461 (1.0.0)
    package64462 (1.0.0)
    package64463 (1.0.0)
    package64464 (1.0.0)
    package64465 (1.0.0)
    package64466 (1.0.0)
    package64467 (1.0.0)
    package64468 (1.0.0)
    package64469 (1.0.0)
    package64470 (1.0.0)
    package64471 (1.0.0)
    package64472 (1.0.0)
    package64473 (1.0.0)
    package64474 (1.0.0)
    package64475 (1.0.0)
    package64476 (1.0.0)
    package64477 (1.0.0)
    package64478 (1.0.0)
    package64479 (1.0.0)
    package64480 (1.0.0)
    package64481 (1.0.0)
    package64482 (1.0.0)
    package64483 (1.0.0)
    package64484 (1.0.0)
    package64485 (1.0.0)
    package64486 (1.0.0)
    package64487 (1.0.0)
    package64488 (1.0.0)
    package64489 (1.0.0)
    package64490 (1.0.0)
    package64491 (1.0.0)
    package64492 (1.0.0)
    package64493 (1.0.0)
    package64494 (1.0.0)
    package64495 (1.0.0)
    package64496 (1.0.0)
    package64497 (1.0.0)
    package64498 (1.0.0)
    package64499 (1.0.0)
    package64500 (1.0.0)
    package64501 (1.0.0)
    package64502 (1.0.0)
    package64503 (1.0.0)
    package64504 (1.0.0)
    package64505 (1.0.0)
    package64506 (1.0.0)
    package64507 (1.0.0)
    package64508 (1.0.0)
    package64509 (1.0.0)
    package64510 (1.0.0)
    package64511 (1.0.0)
    package64512 (1.0.0)
    package64513 (1.0.0)
    package64514 (1.0.0)
    package64515 (1.0.0)
    package64516 (1.0.0)
    package64517 (1.0.0)
    package64518 (1.0.0)
    package64519 (1.0.0)
    package64520 (1.0.0)
    package64521 (1.0.0)
    package64522 (1.0.0)
    package64523 (1.0.0)
    package64524 (1.0.0)
    package64525 (1.0.0)
    package64526 (1.0.0)
    package64527 (1.0.0)
    package64528 (1.0.0)
    package64529 (1.0.0)
    package64530 (1.0.0)
    package64531 (1.0.0)
    package64532 (1.0.0)
    package64533 (1.0.0)
    package64534 (1.0.0)
    package64535 (1.0.0)
    package64536 (1.0.0)
    package64537 (1.0.0)
    package64538 (1.0.0)
    package64539 (1.0.0)
    package64540 (1.0.0)
    package64541 (1.0.0)
    package64542 (1.0.0)
    package64543 (1.0.0)
    package64544 (1.0.0)
    package64545 (1.0.0)
    package64546 (1.0.0)
    package64547 (1.0.0)
    package64548 (1.0.0)
    package64549 (1.0.0)
    package64550 (1.0.0)
    package64551 (1.0.0)
    package64552 (1.0.0)
    package64553 (1.0.0)
    package64554 (1.0.0)
    package64555 (1.0.0)
    package64556 (1.0.0)
    package64557 (1.0.0)
    package64558 (1.0.0)
    package64559 (1.0.0)
    package64560 (1.0.0)
    package64561 (1.0.0)
    package64562 (1.0.0)
    package64563 (1.0.0)
    package64564 (1.0.0)
    package64565 (1.0.0)
    package64566 (1.0.0)
    package64567 (1.0.0)
    package64568 (1.0.0)
    package64569 (1.0.0)
    package64570 (1.0.0)
    package64571 (1.0.0)
    package64572 (1.0.0)
    package64573 (1.0.0)
    package64574 (1.0.0)
    package64575 (1.0.0)
    package64576 (1.0.0)
    package64577 (1.0.0)
    package64578 (1.0.0)
    package64579 (1.0.0)
    package64580 (1.0.0)
    package64581 (1.0.0)
    package64582 (1.0.0)
    package64583 (1.0.0)
    package64584 (1.0.0)
    package64585 (1.0.0)
    package64586 (1.0.0)
    package64587 (1.0.0)
    package64588 (1.0.0)
    package64589 (1.0.0)
    package64590 (1.0.0)
    package64591 (1.0.0)
    package64592 (1.0.0)
    package64593 (1.0.0)
    package64594 (1.0.0)
    package64595 (1.0.0)
    package64596 (1.0.0)
    package64597 (1.0.0)
    package64598 (1.0.0)
    package64599 (1.0.0)
    package64600 (1.0.0)
    package64601 (1.0.0)
    package64602 (1.0.0)
    package64603 (1.0.0)
    package64604 (1.0.0)
    package64605 (1.0.0)
    package64606 (1.0.0)
    package64607 (1.0.0)
    package64608 (1.0.0)
    package64609 (1.0.0)
    package64610 (1.0.0)
    package64611 (1.0.0)
    package64612 (1.0.0)
    package64613 (1.0.0)
    package64614 (1.0.0)
    package64615 (1.0.0)
    package64616 (1.0.0)
    package64617 (1.0.0)
    package64618 (1.0.0)
    package64619 (1.0.0)
    package64620 (1.0.0)
    package64621 (1.0.0)
    package64622 (1.0.0)
    package64623 (1.0.0)
    package64624 (1.0.0)
    package64625 (1.0.0)
    package64626 (1.0.0)
    package64627 (1.0.0)
    package64628 (1.0.0)
    package64629 (1.0.0)
    package64630 (1.0.0)
    package64631 (1.0.0)
    package64632 (1.0.0)
    package64633 (1.0.0)
    package64634 (1.0.0)
    package64635 (1.0.0)
    package64636 (1.0.0)
    package64637 (1.0.0)
    package64638 (1.0.0)
    package64639 (1.0.0)
    package64640 (1.0.0)
    package64641 (1.0.0)
    package64642 (1.0.0)
    package64643 (1.0.0)
    package64644 (1.0.0)
    package64645 (1.0.0)
    package64646 (1.0.0)
    package64647 (1.0.0)
    package64648 (1.0.0)
    package64649 (1.0.0)
    package64650 (1.0.0)
    package64651 (1.0.0)
    package64652 (1.0.0)
    package64653 (1.0.0)
    package64654 (1.0.0)
    package64655 (1.0.0)
    package64656 (1.0.0)
    package64657 (1.0.0)
    package64658 (1.0.0)
    package64659 (1.0.0)
    package64660 (1.0.0)
    package64661 (1.0.0)
    package64662 (1.0.0)
    package64663 (1.0.0)
    package64664 (1.0.0)
    package64665 (1.0.0)
    package64666 (1.0.0)
    package64667 (1.0.0)
    package64668 (1.0.0)
    package64669 (1.0.0)
    package64670 (1.0.0)
    package64671 (1.0.0)
    package64672 (1.0.0)
    package64673 (1.0.0)
    package64674 (1.0.0)
    package64675 (1.0.0)
    package64676 (1.0.0)
    package64677 (1.0.0)
    package64678 (1.0.0)
    package64679 (1.0.0)
    package64680 (1.0.0)
    package64681 (1.0.0)
    package64682 (1.0.0)
    package64683 (1.0.0)
    package64684 (1.0.0)
    package64685 (1.0.0)
    package64686 (1.0.0)
    package64687 (1.0.0)
    package64688 (1.0.0)
    package64689 (1.0.0)
    package64690 (1.0.0)
    package64691 (1.0.0)
    package64692 (1.0.0)
    package64693 (1.0.0)
    package64694 (1.0.0)
    package64695 (1.0.0)
    package64696 (1.0.0)
    package64697 (1.0.0)
    package64698 (1.0.0)
    package64699 (1.0.0)
    package64700 (1.0.0)
    package64701 (1.0.0)
    package64702 (1.0.0)
    package64703 (1.0.0)
    package64704 (1.0.0)
    package64705 (1.0.0)
    package64706 (1.0.0)
    package64707 (1.0.0)
    package64708 (1.0.0)
    package64709 (1.0.0)
    package64710 (1.0.0)
    package64711 (1.0.0)
    package64712 (1.0.0)
    package64713 (1.0.0)
    package64714 (1.0.0)
    package64715 (1.0.0)
    package64716 (1.0.0)
    package64717 (1.0.0)
    package64718 (1.0.0)
    package64719 (1.0.0)
    package64720 (1.0.0)
    package64721 (1.0.0)
    package64722 (1.0.0)
    package64723 (1.0.0)
    package64724 (1.0.0)
    package64725 (1.0.0)
    package64726 (1.0.0)
    package64727 (1.0.0)
    package64728 (1.0.0)
    package64729 (1.0.0)
    package64730 (1.0.0)
    package64731 (1.0.0)
    package64732 (1.0.0)
    package64733 (1.0.0)
    package64734 (1.0.0)
    package64735 (1.0.0)
    package64736 (1.0.0)
    package64737 (1.0.0)
    package64738 (1.0.0)
    package64739 (1.0.0)
    package64740 (1.0.0)
    package64741 (1.0.0)
    package64742 (1.0.0)
    package64743 (1.0.0)
    package64744 (1.0.0)
    package64745 (1.0.0)
    package64746 (1.0.0)
    package64747 (1.0.0)
    package64748 (1.0.0)
    package64749 (1.0.0)
    package64750 (1.0.0)
    package64751 (1.0.0)
    package64752 (1.0.0)
    package64753 (1.0.0)
    package64754 (1.0.0)
    package64755 (1.0.0)
    package64756 (1.0.0)
    package64757 (1.0.0)
    package64758 (1.0.0)
    package64759 (1.0.0)
    package64760 (1.0.0)
    package64761 (1.0.0)
    package64762 (1.0.0)
    package64763 (1.0.0)
    package64764 (1.0.0)
    package64765 (1.0.0)
    package64766 (1.0.0)
    package64767 (1.0.0)
    package64768 (1.0.0)
    package64769 (1.0.0)
    package64770 (1.0.0)
    package64771 (1.0.0)
    package64772 (1.0.0)
    package64773 (1.0.0)
    package64774 (1.0.0)
    package64775 (1.0.0)
    package64776 (1.0.0)
    package64777 (1.0.0)
    package64778 (1.0.0)
    package64779 (1.0.0)
    package64780 (1.0.0)
    package64781 (1.0.0)
    package64782 (1.0.0)
    package64783 (1.0.0)
    package64784 (1.0.0)
    package64785 (1.0.0)
    package64786 (1.0.0)
    package64787 (1.0.0)
    package64788 (1.0.0)
    package64789 (1.0.0)
    package64790 (1.0.0)
    package64791 (1.0.0)
    package64792 (1.0.0)
    package64793 (1.0.0)
    package64794 (1.0.0)
    package64795 (1.0.0)
    package64796 (1.0.0)
    package64797 (1.0.0)
    package64798 (1.0.0)
    package64799 (1.0.0)
    package64800 (1.0.0)
    package64801 (1.0.0)
    package64802 (1.0.0)
    package64803 (1.0.0)
    package64804 (1.0.0)
    package64805 (1.0.0)
    package64806 (1.0.0)
    package64807 (1.0.0)
    package64808 (1.0.0)
    package64809 (1.0.0)
    package64810 (1.0.0)
    package64811 (1.0.0)
    package64812 (1.0.0)
    package64813 (1.0.0)
    package64814 (1.0.0)
    package64815 (1.0.0)
    package64816 (1.0.0)
    package64817 (1.0.0)
    package64818 (1.0.0)
    package64819 (1.0.0)
    package64820 (1.0.0)
    package64821 (1.0.0)
    package64822 (1.0.0)
    package64823 (1.0.0)
    package64824 (1.0.0)
    package64825 (1.0.0)
    package64826 (1.0.0)
    package64827 (1.0.0)
    package64828 (1.0.0)
    package64829 (1.0.0)
    package64830 (1.0.0)
    package64831 (1.0.0)
    package64832 (1.0.0)
    package64833 (1.0.0)
    package64834 (1.0.0)
    package64835 (1.0.0)
    package64836 (1.0.0)
    package64837 (1.0.0)
    package64838 (1.0.0)
    package64839 (1.0.0)
    package64840 (1.0.0)
    package64841 (1.0.0)
    package64842 (1.0.0)
    package64843 (1.0.0)
    package64844 (1.0.0)
    package64845 (1.0.0)
    package64846 (1.0.0)
    package64847 (1.0.0)
    package64848 (1.0.0)
    package64849 (1.0.0)
    package64850 (1.0.0)
    package64851 (1.0.0)
    package64852 (1.0.0)
    package64853 (1.0.0)
    package64854 (1.0.0)
    package64855 (1.0.0)
    package64856 (1.0.0)
    package64857 (1.0.0)
    package64858 (1.0.0)
    package64859 (1.0.0)
    package64860 (1.0.0)
    package64861 (1.0.0)
    package64862 (1.0.0)
    package64863 (1.0.0)
    package64864 (1.0.0)
    package64865 (1.0.0)
    package64866 (1.0.0)
    package64867 (1.0.0)
    package64868 (1.0.0)
    package64869 (1.0.0)
    package64870 (1.0.0)
    package64871 (1.0.0)
    package64872 (1.0.0)
    package64873 (1.0.0)
    package64874 (1.0.0)
    package64875 (1.0.0)
    package64876 (1.0.0)
    package64877 (1.0.0)
    package64878 (1.0.0)
    package64879 (1.0.0)
    package64880 (1.0.0)
    package64881 (1.0.0)
    package64882 (1.0.0)
    package64883 (1.0.0)
    package64884 (1.0.0)
    package64885 (1.0.0)
    package64886 (1.0.0)
    package64887 (1.0.0)
    package64888 (1.0.0)
    package64889 (1.0.0)
    package64890 (1.0.0)
    package64891 (1.0.0)
    package64892 (1.0.0)
    package64893 (1.0.0)
    package64894 (1.0.0)
    package64895 (1.0.0)
    package64896 (1.0.0)
    package64897 (1.0.0)
    package64898 (1.0.0)
    package64899 (1.0.0)
    package64900 (1.0.0)
    package64901 (1.0.0)
    package64902 (1.0.0)
    package64903 (1.0.0)
    package64904 (1.0.0)
    package64905 (1.0.0)
    package64906 (1.0.0)
    package64907 (1.0.0)
    package64908 (1.0.0)
    package64909 (1.0.0)
    package64910 (1.0.0)
    package64911 (1.0.0)
    package64912 (1.0.0)
    package64913 (1.0.0)
    package64914 (1.0.0)
    package64915 (1.0.0)
    package64916 (1.0.0)
    package64917 (1.0.0)
    package64918 (1.0.0)
    package64919 (1.0.0)
    package64920 (1.0.0)
    package64921 (1.0.0)
    package64922 (1.0.0)
    package64923 (1.0.0)
    package64924 (1.0.0)
    package64925 (1.0.0)
    package64926 (1.0.0)
    package64927 (1.0.0)
    package64928 (1.0.0)
    package64929 (1.0.0)
    package64930 (1.0.0)
    package64931 (1.0.0)
    package64932 (1.0.0)
    package64933 (1.0.0)
    package64934 (1.0.0)
    package64935 (1.0.0)
    package64936 (1.0.0)
    package64937 (1.0.0)
    package64938 (1.0.0)
    package64939 (1.0.0)
    package64940 (1.0.0)
    package64941 (1.0.0)
    package64942 (1.0.0)
    package64943 (1.0.0)
    package64944 (1.0.0)
    package64945 (1.0.0)
    package64946 (1.0.0)
    package64947 (1.0.0)
    package64948 (1.0.0)
    package64949 (1.0.0)
    package64950 (1.0.0)
    package64951 (1.0.0)
    package64952 (1.0.0)
    package64953 (1.0.0)
    package64954 (1.0.0)
    package64955 (1.0.0)
    package64956 (1.0.0)
    package64957 (1.0.0)
    package64958 (1.0.0)
    package64959 (1.0.0)
    package64960 (1.0.0)
    package64961 (1.0.0)
    package64962 (1.0.0)
    package64963 (1.0.0)
    package64964 (1.0.0)
    package64965 (1.0.0)
    package64966 (1.0.0)
    package64967 (1.0.0)
    package64968 (1.0.0)
    package64969 (1.0.0)
    package64970 (1.0.0)
    package64971 (1.0.0)
    package64972 (1.0.0)
    package64973 (1.0.0)
    package64974 (1.0.0)
    package64975 (1.0.0)
    package64976 (1.0.0)
    package64977 (1.0.0)
    package64978 (1.0.0)
    package64979 (1.0.0)
    package64980 (1.0.0)
    package64981 (1.0.0)
    package64982 (1.0.0)
    package64983 (1.0.0)
    package64984 (1.0.0)
    package64985 (1.0.0)
    package64986 (1.0.0)
    package64987 (1.0.0)
    package64988 (1.0.0)
    package64989 (1.0.0)
    package64990 (1.0.0)
    package64991 (1.0.0)
    package64992 (1.0.0)
    package64993 (1.0.0)
    package64994 (1.0.0)
    package64995 (1.0.0)
    package64996 (1.0.0)
    package64997 (1.0.0)
    package64998 (1.0.0)
    package64999 (1.0.0)
    package65000 (1.0.0)
    package65001 (1.0.0)
    package65002 (1.0.0)
    package65003 (1.0.0)
    package65004 (1.0.0)
    package65005 (1.0.0)
    package65006 (1.0.0)
    package65007 (1.0.0)
    package65008 (1.0.0)
    package65009 (1.0.0)
    package65010 (1.0.0)
    package65011 (1.0.0)
    package65012 (1.0.0)
    package65013 (1.0.0)
    package65014 (1.0.0)
    package65015 (1.0.0)
    package65016 (1.0.0)
    package65017 (1.0.0)
    package65018 (1.0.0)
    package65019 (1.0.0)
    package65020 (1.0.0)
    package65021 (1.0.0)
    package65022 (1.0.0)
    package65023 (1.0.0)
    package65024 (1.0.0)
    package65025 (1.0.0)
    package65026 (1.0.0)
    package65027 (1.0.0)
    package65028 (1.0.0)
    package65029 (1.0.0)
    package65030 (1.0.0)
    package65031 (1.0.0)
    package65032 (1.0.0)
    package65033 (1.0.0)
    package65034 (1.0.0)
    package65035 (1.0.0)
    package65036 (1.0.0)
    package65037 (1.0.0)
    package65038 (1.0.0)
    package65039 (1.0.0)
    package65040 (1.0.0)
    package65041 (1.0.0)
    package65042 (1.0.0)
    package65043 (1.0.0)
    package65044 (1.0.0)
    package65045 (1.0.0)
    package65046 (1.0.0)
    package65047 (1.0.0)
    package65048 (1.0.0)
    package65049 (1.0.0)
    package65050 (1.0.0)
    package65051 (1.0.0)
    package65052 (1.0.0)
    package65053 (1.0.0)
    package65054 (1.0.0)
    package65055 (1.0.0)
    package65056 (1.0.0)
    package65057 (1.0.0)
    package65058 (1.0.0)
    package65059 (1.0.0)
    package65060 (1.0.0)
    package65061 (1.0.0)
    package65062 (1.0.0)
    package65063 (1.0.0)
    package65064 (1.0.0)
    package65065 (1.0.0)
    package65066 (1.0.0)
    package65067 (1.0.0)
    package65068 (1.0.0)
    package65069 (1.0.0)
    package65070 (1.0.0)
    package65071 (1.0.0)
    package65072 (1.0.0)
    package65073 (1.0.0)
    package65074 (1.0.0)
    package65075 (1.0.0)
    package65076 (1.0.0)
    package65077 (1.0.0)
    package65078 (1.0.0)
    package65079 (1.0.0)
    package65080 (1.0.0)
    package65081 (1.0.0)
    package65082 (1.0.0)
    package65083 (1.0.0)
    package65084 (1.0.0)
    package65085 (1.0.0)
    package65086 (1.0.0)
    package65087 (1.0.0)
    package65088 (1.0.0)
    package65089 (1.0.0)
    package65090 (1.0.0)
    package65091 (1.0.0)
    package65092 (1.0.0)
    package65093 (1.0.0)
    package65094 (1.0.0)
    package65095 (1.0.0)
    package65096 (1.0.0)
    package65097 (1.0.0)
    package65098 (1.0.0)
    package65099 (1.0.0)
    package65100 (1.0.0)
    package65101 (1.0.0)
    package65102 (1.0.0)
    package65103 (1.0.0)
    package65104 (1.0.0)
    package65105 (1.0.0)
    package65106 (1.0.0)
    package65107 (1.0.0)
    package65108 (1.0.0)
    package65109 (1.0.0)
    package65110 (1.0.0)
    package65111 (1.0.0)
    package65112 (1.0.0)
    package65113 (1.0.0)
    package65114 (1.0.0)
    package65115 (1.0.0)
    package65116 (1.0.0)
    package65117 (1.0.0)
    package65118 (1.0.0)
    package65119 (1.0.0)
    package65120 (1.0.0)
    package65121 (1.0.0)
    package65122 (1.0.0)
    package65123 (1.0.0)
    package65124 (1.0.0)
    package65125 (1.0.0)
    package65126 (1.0.0)
    package65127 (1.0.0)
    package65128 (1.0.0)
    package65129 (1.0.0)
    package65130 (1.0.0)
    package65131 (1.0.0)
    package65132 (1.0.0)
    package65133 (1.0.0)
    package65134 (1.0.0)
    package65135 (1.0.0)
    package65136 (1.0.0)
    package65137 (1.0.0)
    package65138 (1.0.0)
    package65139 (1.0.0)
    package65140 (1.0.0)
    package65141 (1.0.0)
    package65142 (1.0.0)
    package65143 (1.0.0)
    package65144 (1.0.0)
    package65145 (1.0.0)
    package65146 (1.0.0)
    package65147 (1.0.0)
    package65148 (1.0.0)
    package65149 (1.0.0)
    package65150 (1.0.0)
    package65151 (1.0.0)
    package65152 (1.0.0)
    package65153 (1.0.0)
    package65154 (1.0.0)
    package65155 (1.0.0)
    package65156 (1.0.0)
    package65157 (1.0.0)
    package65158 (1.0.0)
    package65159 (1.0.0)
    package65160 (1.0.0)
    package65161 (1.0.0)
    package65162 (1.0.0)
    package65163 (1.0.0)
    package65164 (1.0.0)
    package65165 (1.0.0)
    package65166 (1.0.0)
    package65167 (1.0.0)
    package65168 (1.0.0)
    package65169 (1.0.0)
    package65170 (1.0.0)
    package65171 (1.0.0)
    package65172 (1.0.0)
    package65173 (1.0.0)
    package65174 (1.0.0)
    package65175 (1.0.0)
    package65176 (1.0.0)
    package65177 (1.0.0)
    package65178 (1.0.0)
    package65179 (1.0.0)
    package65180 (1.0.0)
    package65181 (1.0.0)
    package65182 (1.0.0)
    package65183 (1.0.0)
    package65184 (1.0.0)
    package65185 (1.0.0)
    package65186 (1.0.0)
    package65187 (1.0.0)
    package65188 (1.0.0)
    package65189 (1.0.0)
    package65190 (1.0.0)
    package65191 (1.0.0)
    package65192 (1.0.0)
    package65193 (1.0.0)
    package65194 (1.0.0)
    package65195 (1.0.0)
    package65196 (1.0.0)
    package65197 (1.0.0)
    package65198 (1.0.0)
    package65199 (1.0.0)
    package65200 (1.0.0)
    package65201 (1.0.0)
    package65202 (1.0.0)
    package65203 (1.0.0)
    package65204 (1.0.0)
    package65205 (1.0.0)
    package65206 (1.0.0)
    package65207 (1.0.0)
    package65208 (1.0.0)
    package65209 (1.0.0)
    package65210 (1.0.0)
    package65211 (1.0.0)
    package65212 (1.0.0)
    package65213 (1.0.0)
    package65214 (1.0.0)
    package65215 (1.0.0)
    package65216 (1.0.0)
    package65217 (1.0.0)
    package65218 (1.0.0)
    package65219 (1.0.0)
    package65220 (1.0.0)
    package65221 (1.0.0)
    package65222 (1.0.0)
    package65223 (1.0.0)
    package65224 (1.0.0)
    package65225 (1.0.0)
    package65226 (1.0.0)
    package65227 (1.0.0)
    package65228 (1.0.0)
    package65229 (1.0.0)
    package65230 (1.0.0)
    package65231 (1.0.0)
    package65232 (1.0.0)
    package65233 (1.0.0)
    package65234 (1.0.0)
    package65235 (1.0.0)
    package65236 (1.0.0)
    package65237 (1.0.0)
    package65238 (1.0.0)
    package65239 (1.0.0)
    package65240 (1.0.0)
    package65241 (1.0.0)
    package65242 (1.0.0)
    package65243 (1.0.0)
    package65244 (1.0.0)
    package65245 (1.0.0)
    package65246 (1.0.0)
    package65247 (1.0.0)
    package65248 (1.0.0)
    package65249 (1.0.0)
    package65250 (1.0.0)
    package65251 (1.0.0)
    package65252 (1.0.0)
    package65253 (1.0.0)
    package65254 (1.0.0)
    package65255 (1.0.0)
    package65256 (1.0.0)
    package65257 (1.0.0)
    package65258 (1.0.0)
    package65259 (1.0.0)
    package65260 (1.0.0)
    package65261 (1.0.0)
    package65262 (1.0.0)
    package65263 (1.0.0)
    package65264 (1.0.0)
    package65265 (1.0.0)
    package65266 (1.0.0)
    package65267 (1.0.0)
    package65268 (1.0.0)
    package65269 (1.0.0)
    package65270 (1.0.0)
    package65271 (1.0.0)
    package65272 (1.0.0)
    package65273 (1.0.0)
    package65274 (1.0.0)
    package65275 (1.0.0)
    package65276 (1.0.0)
    package65277 (1.0.0)
    package65278 (1.0.0)
    package65279 (1.0.0)
    package65280 (1.0.0)
    package65281 (1.0.0)
    package65282 (1.0.0)
    package65283 (1.0.0)
    package65284 (1.0.0)
    package65285 (1.0.0)
    package65286 (1.0.0)
    package65287 (1.0.0)
    package65288 (1.0.0)
    package65289 (1.0.0)
    package65290 (1.0.0)
    package65291 (1.0.0)
    package65292 (1.0.0)
    package65293 (1.0.0)
    package65294 (1.0.0)
    package65295 (1.0.0)
    package65296 (1.0.0)
    package65297 (1.0.0)
    package65298 (1.0.0)
    package65299 (1.0.0)
    package65300 (1.0.0)
    package65301 (1.0.0)
    package65302 (1.0.0)
    package65303 (1.0.0)
    package65304 (1.0.0)
    package65305 (1.0.0)
    package65306 (1.0.0)
    package65307 (1.0.0)
    package65308 (1.0.0)
    package65309 (1.0.0)
    package65310 (1.0.0)
    package65311 (1.0.0)
    package65312 (1.0.0)
    package65313 (1.0.0)
    package65314 (1.0.0)
    package65315 (1.0.0)
    package65316 (1.0.0)
    package65317 (1.0.0)
    package65318 (1.0.0)
    package65319 (1.0.0)
    package65320 (1.0.0)
    package65321 (1.0.0)
    package65322 (1.0.0)
    package65323 (1.0.0)
    package65324 (1.0.0)
    package65325 (1.0.0)
    package65326 (1.0.0)
    package65327 (1.0.0)
    package65328 (1.0.0)
    package65329 (1.0.0)
    package65330 (1.0.0)
    package65331 (1.0.0)
    package65332 (1.0.0)
    package65333 (1.0.0)
    package65334 (1.0.0)
    package65335 (1.0.0)
    package65336 (1.0.0)
    package65337 (1.0.0)
    package65338 (1.0.0)
    package65339 (1.0.0)
    package65340 (1.0.0)
    package65341 (1.0.0)
    package65342 (1.0.0)
    package65343 (1.0.0)
    package65344 (1.0.0)
    package65345 (1.0.0)
    package65346 (1.0.0)
    package65347 (1.0.0)
    package65348 (1.0.0)
    package65349 (1.0.0)
    package65350 (1.0.0)
    package65351 (1.0.0)
    package65352 (1.0.0)
    package65353 (1.0.0)
    package65354 (1.0.0)
    package65355 (1.0.0)
    package65356 (1.0.0)
    package65357 (1.0.0)
    package65358 (1.0.0)
    package65359 (1.0.0)
    package65360 (1.0.0)
    package65361 (1.0.0)
    package65362 (1.0.0)
    package65363 (1.0.0)
    package65364 (1.0.0)
    package65365 (1.0.0)
    package65366 (1.0.0)
    package65367 (1.0.0)
    package65368 (1.0.0)
    package65369 (1.0.0)
    package65370 (1.0.0)
    package65371 (1.0.0)
    package65372 (1.0.0)
    package65373 (1.0.0)
    package65374 (1.0.0)
    package65375 (1.0.0)
    package65376 (1.0.0)
    package65377 (1.0.0)
    package65378 (1.0.0)
    package65379 (1.0.0)
    package65380 (1.0.0)
    package65381 (1.0.0)
    package65382 (1.0.0)
    package65383 (1.0.0)
    package65384 (1.0.0)
    package65385 (1.0.0)
    package65386 (1.0.0)
    package65387 (1.0.0)
    package65388 (1.0.0)
    package65389 (1.0.0)
    package65390 (1.0.0)
    package65391 (1.0.0)
    package65392 (1.0.0)
    package65393 (1.0.0)
    package65394 (1.0.0)
    package65395 (1.0.0)
    package65396 (1.0.0)
    package65397 (1.0.0)
    package65398 (1.0.0)
    package65399 (1.0.0)
    package65400 (1.0.0)
    package65401 (1.0.0)
    package65402 (1.0.0)
    package65403 (1.0.0)
    package65404 (1.0.0)
    package65405 (1.0.0)
    package65406 (1.0.0)
    package65407 (1.0.0)
    package65408 (1.0.0)
    package65409 (1.0.0)
    package65410 (1.0.0)
    package65411 (1.0.0)
    package65412 (1.0.0)
    package65413 (1.0.0)
    package65414 (1.0.0)
    package65415 (1.0.0)
    package65416 (1.0.0)
    package65417 (1.0.0)
    package65418 (1.0.0)
    package65419 (1.0.0)
    package65420 (1.0.0)
    package65421 (1.0.0)
    package65422 (1.0.0)
    package65423 (1.0.0)
    package65424 (1.0.0)
    package65425 (1.0.0)
    package65426 (1.0.0)
    package65427 (1.0.0)
    package65428 (1.0.0)
    package65429 (1.0.0)
    package65430 (1.0.0)
    package65431 (1.0.0)
    package65432 (1.0.0)
    package65433 (1.0.0)
    package65434 (1.0.0)
    package65435 (1.0.0)
    package65436 (1.0.0)
    package65437 (1.0.0)
    package65438 (1.0.0)
    package65439 (1.0.0)
    package65440 (1.0.0)
    package65441 (1.0.0)
    package65442 (1.0.0)
    package65443 (1.0.0)
    package65444 (1.0.0)
    package65445 (1.0.0)
    package65446 (1.0.0)
    package65447 (1.0.0)
    package65448 (1.0.0)
    package65449 (1.0.0)
    package65450 (1.0.0)
    package65451 (1.0.0)
    package65452 (1.0.0)
    package65453 (1.0.0)
    package65454 (1.0.0)
    package65455 (1.0.0)
    package65456 (1.0.0)
    package65457 (1.0.0)
    package65458 (1.0.0)
    package65459 (1.0.0)
    package65460 (1.0.0)
    package65461 (1.0.0)
    package65462 (1.0.0)
    package65463 (1.0.0)
    package65464 (1.0.0)
    package65465 (1.0.0)
    package65466 (1.0.0)
    package65467 (1.0.0)
    package65468 (1.0.0)
    package65469 (1.0.0)
    package65470 (1.0.0)
    package65471 (1.0.0)
    package65472 (1.0.0)
    package65473 (1.0.0)
    package65474 (1.0.0)
    package65475 (1.0.0)
    package65476 (1.0.0)
    package65477 (1.0.0)
    package65478 (1.0.0)
    package65479 (1.0.0)
    package65480 (1.0.0)
    package65481 (1.0.0)
    package65482 (1.0.0)
    package65483 (1.0.0)
    package65484 (1.0.0)
    package65485 (1.0.0)
    package65486 (1.0.0)
    package65487 (1.0.0)
    package65488 (1.0.0)
    package65489 (1.0.0)
    package65490 (1.0.0)
    package65491 (1.0.0)
    package65492 (1.0.0)
    package65493 (1.0.0)
    package65494 (1.0.0)
    package65495 (1.0.0)
    package65496 (1.0.0)
    package65497 (1.0.0)
    package65498 (1.0.0)
    package65499 (1.0.0)
    package65500 (1.0.0)
    package65501 (1.0.0)
    package65502 (1.0.0)
    package65503 (1.0.0)
    package65504 (1.0.0)
    package65505 (1.0.0)
    package65506 (1.0.0)
    package65507 (1.0.0)
    package65508 (1.0.0)
    package65509 (1.0.0)
    package65510 (1.0.0)
    package65511 (1.0.0)
    package65512 (1.0.0)
    package65513 (1.0.0)
    package65514 (1.0.0)
    package65515 (1.0.0)
    package65516 (1.0.0)
    package65517 (1.0.0)
    package65518 (1.0.0)
    package65519 (1.0.0)
    package65520 (1.0.0)
    package65521 (1.0.0)
    package65522 (1.0.0)
    package65523 (1.0.0)
    package65524 (1.0.0)
    package65525 (1.0.0)
    package65526 (1.0.0)
    package65527 (1.0.0)
    package65528 (1.0.0)
    package65529 (1.0.0)
    package65530 (1.0.0)
    package65531 (1.0.0)
    package65532 (1.0.0)
    package65533 (1.0.0)
    package65534 (1.0.0)
    package65535 (1.0.0)
    package65536 (1.0.0)
    package65537 (1.0.0)
    package65538 (1.0.0)
    package65539 (1.0.0)
    package65540 (1.0.0)
    package65541 (1.0.0)
    package65542 (1.0.0)
    package65543 (1.0.0)
    package65544 (1.0.0)
    package65545 (1.0.0)
    package65546 (1.0.0)
    package65547 (1.0.0)
    package65548 (1.0.0)
    package65549 (1.0.0)
    package65550 (1.0.0)
    package65551 (1.0.0)
    package65552 (1.0.0)
    package65553 (1.0.0)
    package65554 (1.0.0)
    package65555 (1.0.0)
    package65556 (1.0.0)
    package65557 (1.0.0)
    package65558 (1.0.0)
    package65559 (1.0.0)
    package65560 (1.0.0)
    package65561 (1.0.0)
    package65562 (1.0.0)
    package65563 (1.0.0)
    package65564 (1.0.0)
    package65565 (1.0.0)
    package65566 (1.0.0)
    package65567 (1.0.0)
    package65568 (1.0.0)
    package65569 (1.0.0)
    package65570 (1.0.0)
    package65571 (1.0.0)
    package65572 (1.0.0)
    package65573 (1.0.0)
    package65574 (1.0.0)
    package65575 (1.0.0)
    package65576 (1.0.0)
    package65577 (1.0.0)
    package65578 (1.0.0)
    package65579 (1.0.0)
    package65580 (1.0.0)
    package65581 (1.0.0)
    package65582 (1.0.0)
    package65583 (1.0.0)
    package65584 (1.0.0)
    package65585 (1.0.0)
    package65586 (1.0.0)
    package65587 (1.0.0)
    package65588 (1.0.0)
    package65589 (1.0.0)
    package65590 (1.0.0)
    package65591 (1.0.0)
    package65592 (1.0.0)
    package65593 (1.0.0)
    package65594 (1.0.0)
    package65595 (1.0.0)
    package65596 (1.0.0)
    package65597 (1.0.0)
    package65598 (1.0.0)
    package65599 (1.0.0)
    package65600 (1.0.0)
    package65601 (1.0.0)
    package65602 (1.0.0)
    package65603 (1.0.0)
    package65604 (1.0.0)
    package65605 (1.0.0)
    package65606 (1.0.0)
    package65607 (1.0.0)
    package65608 (1.0.0)
    package65609 (1.0.0)
    package65610 (1.0.0)
    package65611 (1.0.0)
    package65612 (1.0.0)
    package65613 (1.0.0)
    package65614 (1.0.0)
    package65615 (1.0.0)
    package65616 (1.0.0)
    package65617 (1.0.0)
    package65618 (1.0.0)
    package65619 (1.0.0)
    package65620 (1.0.0)
    package65621 (1.0.0)
    package65622 (1.0.0)
    package65623 (1.0.0)
    package65624 (1.0.0)
    package65625 (1.0.0)
    package65626 (1.0.0)
    package65627 (1.0.0)
    package65628 (1.0.0)
    package65629 (1.0.0)
    package65630 (1.0.0)
    package65631 (1.0.0)
    package65632 (1.0.0)
    package65633 (1.0.0)
    package65634 (1.0.0)
    package65635 (1.0.0)
    package65636 (1.0.0)
    package65637 (1.0.0)
    package65638 (1.0.0)
    package65639 (1.0.0)
    package65640 (1.0.0)
    package65641 (1.0.0)
    package65642 (1.0.0)
    package65643 (1.0.0)
    package65644 (1.0.0)
    package65645 (1.0.0)
    package65646 (1.0.0)
    package65647 (1.0.0)
    package65648 (1.0.0)
    package65649 (1.0.0)
    package65650 (1.0.0)
    package65651 (1.0.0)
    package65652 (1.0.0)
    package65653 (1.0.0)
    package65654 (1.0.0)
    package65655 (1.0.0)
    package65656 (1.0.0)
    package65657 (1.0.0)
    package65658 (1.0.0)
    package65659 (1.0.0)
    package65660 (1.0.0)
    package65661 (1.0.0)
    package65662 (1.0.0)
    package65663 (1.0.0)
    package65664 (1.0.0)
    package65665 (1.0.0)
    package65666 (1.0.0)
    package65667 (1.0.0)
    package65668 (1.0.0)
    package65669 (1.0.0)
    package65670 (1.0.0)
    package65671 (1.0.0)
    package65672 (1.0.0)
    package65673 (1.0.0)
    package65674 (1.0.0)
    package65675 (1.0.0)
    package65676 (1.0.0)
    package65677 (1.0.0)
    package65678 (1.0.0)
    package65679 (1.0.0)
    package65680 (1.0.0)
    package65681 (1.0.0)
    package65682 (1.0.0)
    package65683 (1.0.0)
    package65684 (1.0.0)
    package65685 (1.0.0)
    package65686 (1.0.0)
    package65687 (1.0.0)
    package65688 (1.0.0)
    package65689 (1.0.0)
    package65690 (1.0.0)
    package65691 (1.0.0)
    package65692 (1.0.0)
    package65693 (1.0.0)
    package65694 (1.0.0)
    package65695 (1.0.0)
    package65696 (1.0.0)
    package65697 (1.0.0)
    package65698 (1.0.0)
    package65699 (1.0.0)
    package65700 (1.0.0)
    package65701 (1.0.0)
    package65702 (1.0.0)
    package65703 (1.0.0)
    package65704 (1.0.0)
    package65705 (1.0.0)
    package65706 (1.0.0)
    package65707 (1.0.0)
    package65708 (1.0.0)
    package65709 (1.0.0)
    package65710 (1.0.0)
    package65711 (1.0.0)
    package65712 (1.0.0)
    package65713 (1.0.0)
    package65714 (1.0.0)
    package65715 (1.0.0)
    package65716 (1.0.0)
    package65717 (1.0.0)
    package65718 (1.0.0)
    package65719 (1.0.0)
    package65720 (1.0.0)
    package65721 (1.0.0)
    package65722 (1.0.0)
    package65723 (1.0.0)
    package65724 (1.0.0)
    package65725 (1.0.0)
    package65726 (1.0.0)
    package65727 (1.0.0)
    package65728 (1.0.0)
    package65729 (1.0.0)
    package65730 (1.0.0)
    package65731 (1.0.0)
    package65732 (1.0.0)
    package65733 (1.0.0)
    package65734 (1.0.0)
    package65735 (1.0.0)
    package65736 (1.0.0)
    package65737 (1.0.0)
    package65738 (1.0.0)
    package65739 (1.0.0)
    package65740 (1.0.0)
    package65741 (1.0.0)
    package65742 (1.0.0)
    package65743 (1.0.0)
    package65744 (1.0.0)
    package65745 (1.0.0)
    package65746 (1.0.0)
    package65747 (1.0.0)
    package65748 (1.0.0)
    package65749 (1.0.0)
    package65750 (1.0.0)
    package65751 (1.0.0)
    package65752 (1.0.0)
    package65753 (1.0.0)
    package65754 (1.0.0)
    package65755 (1.0.0)
    package65756 (1.0.0)
    package65757 (1.0.0)
    package65758 (1.0.0)
    package65759 (1.0.0)
    package65760 (1.0.0)
    package65761 (1.0.0)
    package65762 (1.0.0)
    package65763 (1.0.0)
    package65764 (1.0.0)
    package65765 (1.0.0)
    package65766 (1.0.0)
    package65767 (1.0.0)
    package65768 (1.0.0)
    package65769 (1.0.0)
    package65770 (1.0.0)
    package65771 (1.0.0)
    package65772 (1.0.0)
    package65773 (1.0.0)
    package65774 (1.0.0)
    package65775 (1.0.0)
    package65776 (1.0.0)
    package65777 (1.0.0)
    package65778 (1.0.0)
    package65779 (1.0.0)
    package65780 (1.0.0)
    package65781 (1.0.0)
    package65782 (1.0.0)
    package65783 (1.0.0)
    package65784 (1.0.0)
    package65785 (1.0.0)
    package65786 (1.0.0)
    package65787 (1.0.0)
    package65788 (1.0.0)
    package65789 (1.0.0)
    package65790 (1.0.0)
    package65791 (1.0.0)
    package65792 (1.0.0)
    package65793 (1.0.0)
    package65794 (1.0.0)
    package65795 (1.0.0)
    package65796 (1.0.0)
    package65797 (1.0.0)
    package65798 (1.0.0)
    package65799 (1.0.0)
    package65800 (1.0.0)
    package65801 (1.0.0)
    package65802 (1.0.0)
    package65803 (1.0.0)
    package65804 (1.0.0)
    package65805 (1.0.0)
    package65806 (1.0.0)
    package65807 (1.0.0)
    package65808 (1.0.0)
    package65809 (1.0.0)
    package65810 (1.0.0)
    package65811 (1.0.0)
    package65812 (1.0.0)
    package65813 (1.0.0)
    package65814 (1.0.0)
    package65815 (1.0.0)
    package65816 (1.0.0)
    package65817 (1.0.0)
    package65818 (1.0.0)
    package65819 (1.0.0)
    package65820 (1.0.0)
    package65821 (1.0.0)
    package65822 (1.0.0)
    package65823 (1.0.0)
    package65824 (1.0.0)
    package65825 (1.0.0)
    package65826 (1.0.0)
    package65827 (1.0.0)
    package65828 (1.0.0)
    package65829 (1.0.0)
    package65830 (1.0.0)
    package65831 (1.0.0)
    package65832 (1.0.0)
    package65833 (1.0.0)
    package65834 (1.0.0)
    package65835 (1.0.0)
    package65836 (1.0.0)
    package65837 (1.0.0)
    package65838 (1.0.0)
    package65839 (1.0.0)
    package65840 (1.0.0)
    package65841 (1.0.0)
    package65842 (1.0.0)
    package65843 (1.0.0)
    package65844 (1.0.0)
    package65845 (1.0.0)
    package65846 (1.0.0)
    package65847 (1.0.0)
    package65848 (1.0.0)
    package65849 (1.0.0)
    package65850 (1.0.0)
    package65851 (1.0.0)
    package65852 (1.0.0)
    package65853 (1.0.0)
    package65854 (1.0.0)
    package65855 (1.0.0)
    package65856 (1.0.0)
    package65857 (1.0.0)
    package65858 (1.0.0)
    package65859 (1.0.0)
    package65860 (1.0.0)
    package65861 (1.0.0)
    package65862 (1.0.0)
    package65863 (1.0.0)
    package65864 (1.0.0)
    package65865 (1.0.0)
    package65866 (1.0.0)
    package65867 (1.0.0)
    package65868 (1.0.0)
    package65869 (1.0.0)
    package65870 (1.0.0)
    package65871 (1.0.0)
    package65872 (1.0.0)
    package65873 (1.0.0)
    package65874 (1.0.0)
    package65875 (1.0.0)
    package65876 (1.0.0)
    package65877 (1.0.0)
    package65878 (1.0.0)
    package65879 (1.0.0)
    package65880 (1.0.0)
    package65881 (1.0.0)
    package65882 (1.0.0)
    package65883 (1.0.0)
    package65884 (1.0.0)
    package65885 (1.0.0)
    package65886 (1.0.0)
    package65887 (1.0.0)
    package65888 (1.0.0)
    package65889 (1.0.0)
    package65890 (1.0.0)
    package65891 (1.0.0)
    package65892 (1.0.0)
    package65893 (1.0.0)
    package65894 (1.0.0)
    package65895 (1.0.0)
    package65896 (1.0.0)
    package65897 (1.0.0)
    package65898 (1.0.0)
    package65899 (1.0.0)
    package65900 (1.0.0)
    package65901 (1.0.0)
    package65902 (1.0.0)
    package65903 (1.0.0)
    package65904 (1.0.0)
    package65905 (1.0.0)
    package65906 (1.0.0)
    package65907 (1.0.0)
    package65908 (1.0.0)
    package65909 (1.0.0)
    package65910 (1.0.0)
    package65911 (1.0.0)
    package65912 (1.0.0)
    package65913 (1.0.0)
    package65914 (1.0.0)
    package65915 (1.0.0)
    package65916 (1.0.0)
    package65917 (1.0.0)
    package65918 (1.0.0)
    package65919 (1.0.0)
    package65920 (1.0.0)
    package65921 (1.0.0)
    package65922 (1.0.0)
    package65923 (1.0.0)
    package65924 (1.0.0)
    package65925 (1.0.0)
    package65926 (1.0.0)
    package65927 (1.0.0)
    package65928 (1.0.0)
    package65929 (1.0.0)
    package65930 (1.0.0)
    package65931 (1.0.0)
    package65932 (1.0.0)
    package65933 (1.0.0)
    package65934 (1.0.0)
    package65935 (1.0.0)
    package65936 (1.0.0)
    package65937 (1.0.0)
    package65938 (1.0.0)
    package65939 (1.0.0)
    package65940 (1.0.0)
    package65941 (1.0.0)
    package65942 (1.0.0)
    package65943 (1.0.0)
    package65944 (1.0.0)
    package65945 (1.0.0)
    package65946 (1.0.0)
    package65947 (1.0.0)
    package65948 (1.0.0)
    package65949 (1.0.0)
    package65950 (1.0.0)
    package65951 (1.0.0)
    package65952 (1.0.0)
    package65953 (1.0.0)
    package65954 (1.0.0)
    package65955 (1.0.0)
    package65956 (1.0.0)
    package65957 (1.0.0)
    package65958 (1.0.0)
    package65959 (1.0.0)
    package65960 (1.0.0)
    package65961 (1.0.0)
    package65962 (1.0.0)
    package65963 (1.0.0)
    package65964 (1.0.0)
    package65965 (1.0.0)
    package65966 (1.0.0)
    package65967 (1.0.0)
    package65968 (1.0.0)
    package65969 (1.0.0)
    package65970 (1.0.0)
    package65971 (1.0.0)
    package65972 (1.0.0)
    package65973 (1.0.0)
    package65974 (1.0.0)
    package65975 (1.0.0)
    package65976 (1.0.0)
    package65977 (1.0.0)
    package65978 (1.0.0)
    package65979 (1.0.0)
    package65980 (1.0.0)
    package65981 (1.0.0)
    package65982 (1.0.0)
    package65983 (1.0.0)
    package65984 (1.0.0)
    package65985 (1.0.0)
    package65986 (1.0.0)
    package65987 (1.0.0)
    package65988 (1.0.0)
    package65989 (1.0.0)
    package65990 (1.0.0)
    package65991 (1.0.0)
    package65992 (1.0.0)
    package65993 (1.0.0)
    package65994 (1.0.0)
    package65995 (1.0.0)
    package65996 (1.0.0)
    package65997 (1.0.0)
    package65998 (1.0.0)
    package65999 (1.0.0)
    package66000 (1.0.0)
    package66001 (1.0.0)
    package66002 (1.0.0)
    package66003 (1.0.0)
    package66004 (1.0.0)
    package66005 (1.0.0)
    package66006 (1.0.0)
    package66007 (1.0.0)
    package66008 (1.0.0)
    package66009 (1.0.0)
    package66010 (1.0.0)
    package66011 (1.0.0)
    package66012 (1.0.0)
    package66013 (1.0.0)
    package66014 (1.0.0)
    package66015 (1.0.0)
    package66016 (1.0.0)
    package66017 (1.0.0)
    package66018 (1.0.0)
    package66019 (1.0.0)
    package66020 (1.0.0)
    package66021 (1.0.0)
    package66022 (1.0.0)
    package66023 (1.0.0)
    package66024 (1.0.0)
    package66025 (1.0.0)
    package66026 (1.0.0)
    package66027 (1.0.0)
    package66028 (1.0.0)
    package66029 (1.0.0)
    package66030 (1.0.0)
    package66031 (1.0.0)
    package66032 (1.0.0)
    package66033 (1.0.0)
    package66034 (1.0.0)
    package66035 (1.0.0)
    package66036 (1.0.0)
    package66037 (1.0.0)
    package66038 (1.0.0)
    package66039 (1.0.0)
    package66040 (1.0.0)
    package66041 (1.0.0)
    package66042 (1.0.0)
    package66043 (1.0.0)
    package66044 (1.0.0)
    package66045 (1.0.0)
    package66046 (1.0.0)
    package66047 (1.0.0)
    package66048 (1.0.0)
    package66049 (1.0.0)
    package66050 (1.0.0)
    package66051 (1.0.0)
    package66052 (1.0.0)
    package66053 (1.0.0)
    package66054 (1.0.0)
    package66055 (1.0.0)
    package66056 (1.0.0)
    package66057 (1.0.0)
    package66058 (1.0.0)
    package66059 (1.0.0)
    package66060 (1.0.0)
    package66061 (1.0.0)
    package66062 (1.0.0)
    package66063 (1.0.0)
    package66064 (1.0.0)
    package66065 (1.0.0)
    package66066 (1.0.0)
    package66067 (1.0.0)
    package66068 (1.0.0)
    package66069 (1.0.0)
    package66070 (1.0.0)
    package66071 (1.0.0)
    package66072 (1.0.0)
    package66073 (1.0.0)
    package66074 (1.0.0)
    package66075 (1.0.0)
    package66076 (1.0.0)
    package66077 (1.0.0)
    package66078 (1.0.0)
    package66079 (1.0.0)
    package66080 (1.0.0)
    package66081 (1.0.0)
    package66082 (1.0.0)
    package66083 (1.0.0)
    package66084 (1.0.0)
    package66085 (1.0.0)
    package66086 (1.0.0)
    package66087 (1.0.0)
    package66088 (1.0.0)
    package66089 (1.0.0)
    package66090 (1.0.0)
    package66091 (1.0.0)
    package66092 (1.0.0)
    package66093 (1.0.0)
    package66094 (1.0.0)
    package66095 (1.0.0)
    package66096 (1.0.0)
    package66097 (1.0.0)
    package66098 (1.0.0)
    package66099 (1.0.0)
    package66100 (1.0.0)
    package66101 (1.0.0)
    package66102 (1.0.0)
    package66103 (1.0.0)
    package66104 (1.0.0)
    package66105 (1.0.0)
    package66106 (1.0.0)
    package66107 (1.0.0)
    package66108 (1.0.0)
    package66109 (1.0.0)
    package66110 (1.0.0)
    package66111 (1.0.0)
    package66112 (1.0.0)
    package66113 (1.0.0)
    package66114 (1.0.0)
    package66115 (1.0.0)
    package66116 (1.0.0)
    package66117 (1.0.0)
    package66118 (1.0.0)
    package66119 (1.0.0)
    package66120 (1.0.0)
    package66121 (1.0.0)
    package66122 (1.0.0)
    package66123 (1.0.0)
    package66124 (1.0.0)
    package66125 (1.0.0)
    package66126 (1.0.0)
    package66127 (1.0.0)
    package66128 (1.0.0)
    package66129 (1.0.0)
    package66130 (1.0.0)
    package66131 (1.0.0)
    package66132 (1.0.0)
    package66133 (1.0.0)
    package66134 (1.0.0)
    package66135 (1.0.0)
    package66136 (1.0.0)
    package66137 (1.0.0)
    package66138 (1.0.0)
    package66139 (1.0.0)
    package66140 (1.0.0)
    package66141 (1.0.0)
    package66142 (1.0.0)
    package66143 (1.0.0)
    package66144 (1.0.0)
    package66145 (1.0.0)
    package66146 (1.0.0)
    package66147 (1.0.0)
    package66148 (1.0.0)
    package66149 (1.0.0)
    package66150 (1.0.0)
    package66151 (1.0.0)
    package66152 (1.0.0)
    package66153 (1.0.0)
    package66154 (1.0.0)
    package66155 (1.0.0)
    package66156 (1.0.0)
    package66157 (1.0.0)
    package66158 (1.0.0)
    package66159 (1.0.0)
    package66160 (1.0.0)
    package66161 (1.0.0)
    package66162 (1.0.0)
    package66163 (1.0.0)
    package66164 (1.0.0)
    package66165 (1.0.0)
    package66166 (1.0.0)
    package66167 (1.0.0)
    package66168 (1.0.0)
    package66169 (1.0.0)
    package66170 (1.0.0)
    package66171 (1.0.0)
    package66172 (1.0.0)
    package66173 (1.0.0)
    package66174 (1.0.0)
    package66175 (1.0.0)
    package66176 (1.0.0)
    package66177 (1.0.0)
    package66178 (1.0.0)
    package66179 (1.0.0)
    package66180 (1.0.0)
    package66181 (1.0.0)
    package66182 (1.0.0)
    package66183 (1.0.0)
    package66184 (1.0.0)
    package66185 (1.0.0)
    package66186 (1.0.0)
    package66187 (1.0.0)
    package66188 (1.0.0)
    package66189 (1.0.0)
    package66190 (1.0.0)
    package66191 (1.0.0)
    package66192 (1.0.0)
    package66193 (1.0.0)
    package66194 (1.0.0)
    package66195 (1.0.0)
    package66196 (1.0.0)
    package66197 (1.0.0)
    package66198 (1.0.0)
    package66199 (1.0.0)
    package66200 (1.0.0)
    package66201 (1.0.0)
    package66202 (1.0.0)
    package66203 (1.0.0)
    package66204 (1.0.0)
    package66205 (1.0.0)
    package66206 (1.0.0)
    package66207 (1.0.0)
    package66208 (1.0.0)
    package66209 (1.0.0)
    package66210 (1.0.0)
    package66211 (1.0.0)
    package66212 (1.0.0)
    package66213 (1.0.0)
    package66214 (1.0.0)
    package66215 (1.0.0)
    package66216 (1.0.0)
    package66217 (1.0.0)
    package66218 (1.0.0)
    package66219 (1.0.0)
    package66220 (1.0.0)
    package66221 (1.0.0)
    package66222 (1.0.0)
    package66223 (1.0.0)
    package66224 (1.0.0)
    package66225 (1.0.0)
    package66226 (1.0.0)
    package66227 (1.0.0)
    package66228 (1.0.0)
    package66229 (1.0.0)
    package66230 (1.0.0)
    package66231 (1.0.0)
    package66232 (1.0.0)
    package66233 (1.0.0)
    package66234 (1.0.0)
    package66235 (1.0.0)
    package66236 (1.0.0)
    package66237 (1.0.0)
    package66238 (1.0.0)
    package66239 (1.0.0)
    package66240 (1.0.0)
    package66241 (1.0.0)
    package66242 (1.0.0)
    package66243 (1.0.0)
    package66244 (1.0.0)
    package66245 (1.0.0)
    package66246 (1.0.0)
    package66247 (1.0.0)
    package66248 (1.0.0)
    package66249 (1.0.0)
    package66250 (1.0.0)
    package66251 (1.0.0)
    package66252 (1.0.0)
    package66253 (1.0.0)
    package66254 (1.0.0)
    package66255 (1.0.0)
    package66256 (1.0.0)
    package66257 (1.0.0)
    package66258 (1.0.0)
    package66259 (1.0.0)
    package66260 (1.0.0)
    package66261 (1.0.0)
    package66262 (1.0.0)
    package66263 (1.0.0)
    package66264 (1.0.0)
    package66265 (1.0.0)
    package66266 (1.0.0)
    package66267 (1.0.0)
    package66268 (1.0.0)
    package66269 (1.0.0)
    package66270 (1.0.0)
    package66271 (1.0.0)
    package66272 (1.0.0)
    package66273 (1.0.0)
    package66274 (1.0.0)
    package66275 (1.0.0)
    package66276 (1.0.0)
    package66277 (1.0.0)
    package66278 (1.0.0)
    package66279 (1.0.0)
    package66280 (1.0.0)
    package66281 (1.0.0)
    package66282 (1.0.0)
    package66283 (1.0.0)
    package66284 (1.0.0)
    package66285 (1.0.0)
    package66286 (1.0.0)
    package66287 (1.0.0)
    package66288 (1.0.0)
    package66289 (1.0.0)
    package66290 (1.0.0)
    package66291 (1.0.0)
    package66292 (1.0.0)
    package66293 (1.0.0)
    package66294 (1.0.0)
    package66295 (1.0.0)
    package66296 (1.0.0)
    package66297 (1.0.0)
    package66298 (1.0.0)
    package66299 (1.0.0)
    package66300 (1.0.0)
    package66301 (1.0.0)
    package66302 (1.0.0)
    package66303 (1.0.0)
    package66304 (1.0.0)
    package66305 (1.0.0)
    package66306 (1.0.0)
    package66307 (1.0.0)
    package66308 (1.0.0)
    package66309 (1.0.0)
    package66310 (1.0.0)
    package66311 (1.0.0)
    package66312 (1.0.0)
    package66313 (1.0.0)
    package66314 (1.0.0)
    package66315 (1.0.0)
    package66316 (1.0.0)
    package66317 (1.0.0)
    package66318 (1.0.0)
    package66319 (1.0.0)
    package66320 (1.0.0)
    package66321 (1.0.0)
    package66322 (1.0.0)
    package66323 (1.0.0)
    package66324 (1.0.0)
    package66325 (1.0.0)
    package66326 (1.0.0)
    package66327 (1.0.0)
    package66328 (1.0.0)
    package66329 (1.0.0)
    package66330 (1.0.0)
    package66331 (1.0.0)
    package66332 (1.0.0)
    package66333 (1.0.0)
    package66334 (1.0.0)
    package66335 (1.0.0)
    package66336 (1.0.0)
    package66337 (1.0.0)
    package66338 (1.0.0)
    package66339 (1.0.0)
    package66340 (1.0.0)
    package66341 (1.0.0)
    package66342 (1.0.0)
    package66343 (1.0.0)
    package66344 (1.0.0)
    package66345 (1.0.0)
    package66346 (1.0.0)
    package66347 (1.0.0)
    package66348 (1.0.0)
    package66349 (1.0.0)
    package66350 (1.0.0)
    package66351 (1.0.0)
    package66352 (1.0.0)
    package66353 (1.0.0)
    package66354 (1.0.0)
    package66355 (1.0.0)
    package66356 (1.0.0)
    package66357 (1.0.0)
    package66358 (1.0.0)
    package66359 (1.0.0)
    package66360 (1.0.0)
    package66361 (1.0.0)
    package66362 (1.0.0)
    package66363 (1.0.0)
    package66364 (1.0.0)
    package66365 (1.0.0)
    package66366 (1.0.0)
    package66367 (1.0.0)
    package66368 (1.0.0)
    package66369 (1.0.0)
    package66370 (1.0.0)
    package66371 (1.0.0)
    package66372 (1.0.0)
    package66373 (1.0.0)
    package66374 (1.0.0)
    package66375 (1.0.0)
    package66376 (1.0.0)
    package66377 (1.0.0)
    package66378 (1.0.0)
    package66379 (1.0.0)
    package66380 (1.0.0)
    package66381 (1.0.0)
    package66382 (1.0.0)
    package66383 (1.0.0)
    package66384 (1.0.0)
    package66385 (1.0.0)
    package66386 (1.0.0)
    package66387 (1.0.0)
    package66388 (1.0.0)
    package66389 (1.0.0)
    package66390 (1.0.0)
    package66391 (1.0.0)
    package66392 (1.0.0)
    package66393 (1.0.0)
    package66394 (1.0.0)
    package66395 (1.0.0)
    package66396 (1.0.0)
    package66397 (1.0.0)
    package66398 (1.0.0)
    package66399 (1.0.0)
    package66400 (1.0.0)
    package66401 (1.0.0)
    package66402 (1.0.0)
    package66403 (1.0.0)
    package66404 (1.0.0)
    package66405 (1.0.0)
    package66406 (1.0.0)
    package66407 (1.0.0)
    package66408 (1.0.0)
    package66409 (1.0.0)
    package66410 (1.0.0)
    package66411 (1.0.0)
    package66412 (1.0.0)
    package66413 (1.0.0)
    package66414 (1.0.0)
    package66415 (1.0.0)
    package66416 (1.0.0)
    package66417 (1.0.0)
    package66418 (1.0.0)
    package66419 (1.0.0)
    package66420 (1.0.0)
    package66421 (1.0.0)
    package66422 (1.0.0)
    package66423 (1.0.0)
    package66424 (1.0.0)
    package66425 (1.0.0)
    package66426 (1.0.0)
    package66427 (1.0.0)
    package66428 (1.0.0)
    package66429 (1.0.0)
    package66430 (1.0.0)
    package66431 (1.0.0)
    package66432 (1.0.0)
    package66433 (1.0.0)
    package66434 (1.0.0)
    package66435 (1.0.0)
    package66436 (1.0.0)
    package66437 (1.0.0)
    package66438 (1.0.0)
    package66439 (1.0.0)
    package66440 (1.0.0)
    package66441 (1.0.0)
    package66442 (1.0.0)
    package66443 (1.0.0)
    package66444 (1.0.0)
    package66445 (1.0.0)
    package66446 (1.0.0)
    package66447 (1.0.0)
    package66448 (1.0.0)
    package66449 (1.0.0)
    package66450 (1.0.0)
    package66451 (1.0.0)
    package66452 (1.0.0)
    package66453 (1.0.0)
    package66454 (1.0.0)
    package66455 (1.0.0)
    package66456 (1.0.0)
    package66457 (1.0.0)
    package66458 (1.0.0)
    package66459 (1.0.0)
    package66460 (1.0.0)
    package66461 (1.0.0)
    package66462 (1.0.0)
    package66463 (1.0.0)
    package66464 (1.0.0)
    package66465 (1.0.0)
    package66466 (1.0.0)
    package66467 (1.0.0)
    package66468 (1.0.0)
    package66469 (1.0.0)
    package66470 (1.0.0)
    package66471 (1.0.0)
    package66472 (1.0.0)
    package66473 (1.0.0)
    package66474 (1.0.0)
    package66475 (1.0.0)
    package66476 (1.0.0)
    package66477 (1.0.0)
    package66478 (1.0.0)
    package66479 (1.0.0)
    package66480 (1.0.0)
    package66481 (1.0.0)
    package66482 (1.0.0)
    package66483 (1.0.0)
    package66484 (1.0.0)
    package66485 (1.0.0)
    package66486 (1.0.0)
    package66487 (1.0.0)
    package66488 (1.0.0)
    package66489 (1.0.0)
    package66490 (1.0.0)
    package66491 (1.0.0)
    package66492 (1.0.0)
    package66493 (1.0.0)
    package66494 (1.0.0)
    package66495 (1.0.0)
    package66496 (1.0.0)
    package66497 (1.0.0)
    package66498 (1.0.0)
    package66499 (1.0.0)
    package66500 (1.0.0)
    package66501 (1.0.0)
    package66502 (1.0.0)
    package66503 (1.0.0)
    package66504 (1.0.0)
    package66505 (1.0.0)
    package66506 (1.0.0)
    package66507 (1.0.0)
    package66508 (1.0.0)
    package66509 (1.0.0)
    package66510 (1.0.0)
    package66511 (1.0.0)
    package66512 (1.0.0)
    package66513 (1.0.0)
    package66514 (1.0.0)
    package66515 (1.0.0)
    package66516 (1.0.0)
    package66517 (1.0.0)
    package66518 (1.0.0)
    package66519 (1.0.0)
    package66520 (1.0.0)
    package66521 (1.0.0)
    package66522 (1.0.0)
    package66523 (1.0.0)
    package66524 (1.0.0)
    package66525 (1.0.0)
    package66526 (1.0.0)
    package66527 (1.0.0)
    package66528 (1.0.0)
    package66529 (1.0.0)
    package66530 (1.0.0)
    package66531 (1.0.0)
    package66532 (1.0.0)
    package66533 (1.0.0)
    package66534 (1.0.0)
    package66535 (1.0.0)
    package66536 (1.0.0)
    package66537 (1.0.0)
    package66538 (1.0.0)
    package66539 (1.0.0)
    package66540 (1.0.0)
    package66541 (1.0.0)
    package66542 (1.0.0)
    package66543 (1.0.0)
    package66544 (1.0.0)
    package66545 (1.0.0)
    package66546 (1.0.0)
    package66547 (1.0.0)
    package66548 (1.0.0)
    package66549 (1.0.0)
    package66550 (1.0.0)
    package66551 (1.0.0)
    package66552 (1.0.0)
    package66553 (1.0.0)
    package66554 (1.0.0)
    package66555 (1.0.0)
    package66556 (1.0.0)
    package66557 (1.0.0)
    package66558 (1.0.0)
    package66559 (1.0.0)
    package66560 (1.0.0)
    package66561 (1.0.0)
    package66562 (1.0.0)
    package66563 (1.0.0)
    package66564 (1.0.0)
    package66565 (1.0.0)
    package66566 (1.0.0)
    package66567 (1.0.0)
    package66568 (1.0.0)
    package66569 (1.0.0)
    package66570 (1.0.0)
    package66571 (1.0.0)
    package66572 (1.0.0)
    package66573 (1.0.0)
    package66574 (1.0.0)
    package66575 (1.0.0)
    package66576 (1.0.0)
    package66577 (1.0.0)
    package66578 (1.0.0)
    package66579 (1.0.0)
    package66580 (1.0.0)
    package66581 (1.0.0)
    package66582 (1.0.0)
    package66583 (1.0.0)
    package66584 (1.0.0)
    package66585 (1.0.0)
    package66586 (1.0.0)
    package66587 (1.0.0)
    package66588 (1.0.0)
    package66589 (1.0.0)
    package66590 (1.0.0)
    package66591 (1.0.0)
    package66592 (1.0.0)
    package66593 (1.0.0)
    package66594 (1.0.0)
    package66595 (1.0.0)
    package66596 (1.0.0)
    package66597 (1.0.0)
    package66598 (1.0.0)
    package66599 (1.0.0)
    package66600 (1.0.0)
    package66601 (1.0.0)
    package66602 (1.0.0)
    package66603 (1.0.0)
    package66604 (1.0.0)
    package66605 (1.0.0)
    package66606 (1.0.0)
    package66607 (1.0.0)
    package66608 (1.0.0)
    package66609 (1.0.0)
    package66610 (1.0.0)
    package66611 (1.0.0)
    package66612 (1.0.0)
    package66613 (1.0.0)
    package66614 (1.0.0)
    package66615 (1.0.0)
    package66616 (1.0.0)
    package66617 (1.0.0)
    package66618 (1.0.0)
    package66619 (1.0.0)
    package66620 (1.0.0)
    package66621 (1.0.0)
    package66622 (1.0.0)
    package66623 (1.0.0)
    package66624 (1.0.0)
    package66625 (1.0.0)
    package66626 (1.0.0)
    package66627 (1.0.0)
    package66628 (1.0.0)
    package66629 (1.0.0)
    package66630 (1.0.0)
    package66631 (1.0.0)
    package66632 (1.0.0)
    package66633 (1.0.0)
    package66634 (1.0.0)
    package66635 (1.0.0)
    package66636 (1.0.0)
    package66637 (1.0.0)
    package66638 (1.0.0)
    package66639 (1.0.0)
    package66640 (1.0.0)
    package66641 (1.0.0)
    package66642 (1.0.0)
    package66643 (1.0.0)
    package66644 (1.0.0)
    package66645 (1.0.0)
    package66646 (1.0.0)
    package66647 (1.0.0)
    package66648 (1.0.0)
    package66649 (1.0.0)
    package66650 (1.0.0)
    package66651 (1.0.0)
    package66652 (1.0.0)
    package66653 (1.0.0)
    package66654 (1.0.0)
    package66655 (1.0.0)
    package66656 (1.0.0)
    package66657 (1.0.0)
    package66658 (1.0.0)
    package66659 (1.0.0)
    package66660 (1.0.0)
    package66661 (1.0.0)
    package66662 (1.0.0)
    package66663 (1.0.0)
    package66664 (1.0.0)
    package66665 (1.0.0)
    package66666 (1.0.0)
    package66667 (1.0.0)
    package66668 (1.0.0)
    package66669 (1.0.0)
    package66670 (1.0.0)
    package66671 (1.0.0)
    package66672 (1.0.0)
    package66673 (1.0.0)
    package66674 (1.0.0)
    package66675 (1.0.0)
    package66676 (1.0.0)
    package66677 (1.0.0)
    package66678 (1.0.0)
    package66679 (1.0.0)
    package66680 (1.0.0)
    package66681 (1.0.0)
    package66682 (1.0.0)
    package66683 (1.0.0)
    package66684 (1.0.0)
    package66685 (1.0.0)
    package66686 (1.0.0)
    package66687 (1.0.0)
    package66688 (1.0.0)
    package66689 (1.0.0)
    package66690 (1.0.0)
    package66691 (1.0.0)
    package66692 (1.0.0)
    package66693 (1.0.0)
    package66694 (1.0.0)
    package66695 (1.0.0)
    package66696 (1.0.0)
    package66697 (1.0.0)
    package66698 (1.0.0)
    package66699 (1.0.0)
    package66700 (1.0.0)
    package66701 (1.0.0)
    package66702 (1.0.0)
    package66703 (1.0.0)
    package66704 (1.0.0)
    package66705 (1.0.0)
    package66706 (1.0.0)
    package66707 (1.0.0)
    package66708 (1.0.0)
    package66709 (1.0.0)
    package66710 (1.0.0)
    package66711 (1.0.0)
    package66712 (1.0.0)
    package66713 (1.0.0)
    package66714 (1.0.0)
    package66715 (1.0.0)
    package66716 (1.0.0)
    package66717 (1.0.0)
    package66718 (1.0.0)
    package66719 (1.0.0)
    package66720 (1.0.0)
    package66721 (1.0.0)
    package66722 (1.0.0)
    package66723 (1.0.0)
    package66724 (1.0.0)
    package66725 (1.0.0)
    package66726 (1.0.0)
    package66727 (1.0.0)
    package66728 (1.0.0)
    package66729 (1.0.0)
    package66730 (1.0.0)
    package66731 (1.0.0)
    package66732 (1.0.0)
    package66733 (1.0.0)
    package66734 (1.0.0)
    package66735 (1.0.0)
    package66736 (1.0.0)
    package66737 (1.0.0)
    package66738 (1.0.0)
    package66739 (1.0.0)
    package66740 (1.0.0)
    package66741 (1.0.0)
    package66742 (1.0.0)
    package66743 (1.0.0)
    package66744 (1.0.0)
    package66745 (1.0.0)
    package66746 (1.0.0)
    package66747 (1.0.0)
    package66748 (1.0.0)
    package66749 (1.0.0)
    package66750 (1.0.0)
    package66751 (1.0.0)
    package66752 (1.0.0)
    package66753 (1.0.0)
    package66754 (1.0.0)
    package66755 (1.0.0)
    package66756 (1.0.0)
    package66757 (1.0.0)
    package66758 (1.0.0)
    package66759 (1.0.0)
    package66760 (1.0.0)
    package66761 (1.0.0)
    package66762 (1.0.0)
    package66763 (1.0.0)
    package66764 (1.0.0)
    package66765 (1.0.0)
    package66766 (1.0.0)
    package66767 (1.0.0)
    package66768 (1.0.0)
    package66769 (1.0.0)
    package66770 (1.0.0)
    package66771 (1.0.0)
    package66772 (1.0.0)
    package66773 (1.0.0)
    package66774 (1.0.0)
    package66775 (1.0.0)
    package66776 (1.0.0)
    package66777 (1.0.0)
    package66778 (1.0.0)
    package66779 (1.0.0)
    package66780 (1.0.0)
    package66781 (1.0.0)
    package66782 (1.0.0)
    package66783 (1.0.0)
    package66784 (1.0.0)
    package66785 (1.0.0)
    package66786 (1.0.0)
    package66787 (1.0.0)
    package66788 (1.0.0)
    package66789 (1.0.0)
    package66790 (1.0.0)
    package66791 (1.0.0)
    package66792 (1.0.0)
    package66793 (1.0.0)
    package66794 (1.0.0)
    package66795 (1.0.0)
    package66796 (1.0.0)
    package66797 (1.0.0)
    package66798 (1.0.0)
    package66799 (1.0.0)
    package66800 (1.0.0)
    package66801 (1.0.0)
    package66802 (1.0.0)
    package66803 (1.0.0)
    package66804 (1.0.0)
    package66805 (1.0.0)
    package66806 (1.0.0)
    package66807 (1.0.0)
    package66808 (1.0.0)
    package66809 (1.0.0)
    package66810 (1.0.0)
    package66811 (1.0.0)
    package66812 (1.0.0)
    package66813 (1.0.0)
    package66814 (1.0.0)
    package66815 (1.0.0)
    package66816 (1.0.0)
    package66817 (1.0.0)
    package66818 (1.0.0)
    package66819 (1.0.0)
    package66820 (1.0.0)
    package66821 (1.0.0)
    package66822 (1.0.0)
    package66823 (1.0.0)
    package66824 (1.0.0)
    package66825 (1.0.0)
    package66826 (1.0.0)
    package66827 (1.0.0)
    package66828 (1.0.0)
    package66829 (1.0.0)
    package66830 (1.0.0)
    package66831 (1.0.0)
    package66832 (1.0.0)
    package66833 (1.0.0)
    package66834 (1.0.0)
    package66835 (1.0.0)
    package66836 (1.0.0)
    package66837 (1.0.0)
    package66838 (1.0.0)
    package66839 (1.0.0)
    package66840 (1.0.0)
    package66841 (1.0.0)
    package66842 (1.0.0)
    package66843 (1.0.0)
    package66844 (1.0.0)
    package66845 (1.0.0)
    package66846 (1.0.0)
    package66847 (1.0.0)
    package66848 (1.0.0)
    package66849 (1.0.0)
    package66850 (1.0.0)
    package66851 (1.0.0)
    package66852 (1.0.0)
    package66853 (1.0.0)
    package66854 (1.0.0)
    package66855 (1.0.0)
    package66856 (1.0.0)
    package66857 (1.0.0)
    package66858 (1.0.0)
    package66859 (1.0.0)
    package66860 (1.0.0)
    package66861 (1.0.0)
    package66862 (1.0.0)
    package66863 (1.0.0)
    package66864 (1.0.0)
    package66865 (1.0.0)
    package66866 (1.0.0)
    package66867 (1.0.0)
    package66868 (1.0.0)
    package66869 (1.0.0)
    package66870 (1.0.0)
    package66871 (1.0.0)
    package66872 (1.0.0)
    package66873 (1.0.0)
    package66874 (1.0.0)
    package66875 (1.0.0)
    package66876 (1.0.0)
    package66877 (1.0.0)
    package66878 (1.0.0)
    package66879 (1.0.0)
    package66880 (1.0.0)
    package66881 (1.0.0)
    package66882 (1.0.0)
    package66883 (1.0.0)
    package66884 (1.0.0)
    package66885 (1.0.0)
    package66886 (1.0.0)
    package66887 (1.0.0)
    package66888 (1.0.0)
    package66889 (1.0.0)
    package66890 (1.0.0)
    package66891 (1.0.0)
    package66892 (1.0.0)
    package66893 (1.0.0)
    package66894 (1.0.0)
    package66895 (1.0.0)
    package66896 (1.0.0)
    package66897 (1.0.0)
    package66898 (1.0.0)
    package66899 (1.0.0)
    package66900 (1.0.0)
    package66901 (1.0.0)
    package66902 (1.0.0)
    package66903 (1.0.0)
    package66904 (1.0.0)
    package66905 (1.0.0)
    package66906 (1.0.0)
    package66907 (1.0.0)
    package66908 (1.0.0)
    package66909 (1.0.0)
    package66910 (1.0.0)
    package66911 (1.0.0)
    package66912 (1.0.0)
    package66913 (1.0.0)
    package66914 (1.0.0)
    package66915 (1.0.0)
    package66916 (1.0.0)
    package66917 (1.0.0)
    package66918 (1.0.0)
    package66919 (1.0.0)
    package66920 (1.0.0)
    package66921 (1.0.0)
    package66922 (1.0.0)
    package66923 (1.0.0)
    package66924 (1.0.0)
    package66925 (1.0.0)
    package66926 (1.0.0)
    package66927 (1.0.0)
    package66928 (1.0.0)
    package66929 (1.0.0)
    package66930 (1.0.0)
    package66931 (1.0.0)
    package66932 (1.0.0)
    package66933 (1.0.0)
    package66934 (1.0.0)
    package66935 (1.0.0)
    package66936 (1.0.0)
    package66937 (1.0.0)
    package66938 (1.0.0)
    package66939 (1.0.0)
    package66940 (1.0.0)
    package66941 (1.0.0)
    package66942 (1.0.0)
    package66943 (1.0.0)
    package66944 (1.0.0)
    package66945 (1.0.0)
    package66946 (1.0.0)
    package66947 (1.0.0)
    package66948 (1.0.0)
    package66949 (1.0.0)
    package66950 (1.0.0)
    package66951 (1.0.0)
    package66952 (1.0.0)
    package66953 (1.0.0)
    package66954 (1.0.0)
    package66955 (1.0.0)
    package66956 (1.0.0)
    package66957 (1.0.0)
    package66958 (1.0.0)
    package66959 (1.0.0)
    package66960 (1.0.0)
    package66961 (1.0.0)
    package66962 (1.0.0)
    package66963 (1.0.0)
    package66964 (1.0.0)
    package66965 (1.0.0)
    package66966 (1.0.0)
    package66967 (1.0.0)
    package66968 (1.0.0)
    package66969 (1.0.0)
    package66970 (1.0.0)
    package66971 (1.0.0)
    package66972 (1.0.0)
    package66973 (1.0.0)
    package66974 (1.0.0)
    package66975 (1.0.0)
    package66976 (1.0.0)
    package66977 (1.0.0)
    package66978 (1.0.0)
    package66979 (1.0.0)
    package66980 (1.0.0)
    package66981 (1.0.0)
    package66982 (1.0.0)
    package66983 (1.0.0)
    package66984 (1.0.0)
    package66985 (1.0.0)
    package66986 (1.0.0)
    package66987 (1.0.0)
    package66988 (1.0.0)
    package66989 (1.0.0)
    package66990 (1.0.0)
    package66991 (1.0.0)
    package66992 (1.0.0)
    package66993 (1.0.0)
    package66994 (1.0.0)
    package66995 (1.0.0)
    package66996 (1.0.0)
    package66997 (1.0.0)
    package66998 (1.0.0)
    package66999 (1.0.0)
    package67000 (1.0.0)
    package67001 (1.0.0)
    package67002 (1.0.0)
    package67003 (1.0.0)
    package67004 (1.0.0)
    package67005 (1.0.0)
    package67006 (1.0.0)
    package67007 (1.0.0)
    package67008 (1.0.0)
    package67009 (1.0.0)
    package67010 (1.0.0)
    package67011 (1.0.0)
    package67012 (1.0.0)
    package67013 (1.0.0)
    package67014 (1.0.0)
    package67015 (1.0.0)
    package67016 (1.0.0)
    package67017 (1.0.0)
    package67018 (1.0.0)
    package67019 (1.0.0)
    package67020 (1.0.0)
    package67021 (1.0.0)
    package67022 (1.0.0)
    package67023 (1.0.0)
    package67024 (1.0.0)
    package67025 (1.0.0)
    package67026 (1.0.0)
    package67027 (1.0.0)
    package67028 (1.0.0)
    package67029 (1.0.0)
    package67030 (1.0.0)
    package67031 (1.0.0)
    package67032 (1.0.0)
    package67033 (1.0.0)
    package67034 (1.0.0)
    package67035 (1.0.0)
    package67036 (1.0.0)
    package67037 (1.0.0)
    package67038 (1.0.0)
    package67039 (1.0.0)
    package67040 (1.0.0)
    package67041 (1.0.0)
    package67042 (1.0.0)
    package67043 (1.0.0)
    package67044 (1.0.0)
    package67045 (1.0.0)
    package67046 (1.0.0)
    package67047 (1.0.0)
    package67048 (1.0.0)
    package67049 (1.0.0)
    package67050 (1.0.0)
    package67051 (1.0.0)
    package67052 (1.0.0)
    package67053 (1.0.0)
    package67054 (1.0.0)
    package67055 (1.0.0)
    package67056 (1.0.0)
    package67057 (1.0.0)
    package67058 (1.0.0)
    package67059 (1.0.0)
    package67060 (1.0.0)
    package67061 (1.0.0)
    package67062 (1.0.0)
    package67063 (1.0.0)
    package67064 (1.0.0)
    package67065 (1.0.0)
    package67066 (1.0.0)
    package67067 (1.0.0)
    package67068 (1.0.0)
    package67069 (1.0.0)
    package67070 (1.0.0)
    package67071 (1.0.0)
    package67072 (1.0.0)
    package67073 (1.0.0)
    package67074 (1.0.0)
    package67075 (1.0.0)
    package67076 (1.0.0)
    package67077 (1.0.0)
    package67078 (1.0.0)
    package67079 (1.0.0)
    package67080 (1.0.0)
    package67081 (1.0.0)
    package67082 (1.0.0)
    package67083 (1.0.0)
    package67084 (1.0.0)
    package67085 (1.0.0)
    package67086 (1.0.0)
    package67087 (1.0.0)
    package67088 (1.0.0)
    package67089 (1.0.0)
    package67090 (1.0.0)
    package67091 (1.0.0)
    package67092 (1.0.0)
    package67093 (1.0.0)
    package67094 (1.0.0)
    package67095 (1.0.0)
    package67096 (1.0.0)
    package67097 (1.0.0)
    package67098 (1.0.0)
    package67099 (1.0.0)
    package67100 (1.0.0)
    package67101 (1.0.0)
    package67102 (1.0.0)
    package67103 (1.0.0)
    package67104 (1.0.0)
    package67105 (1.0.0)
    package67106 (1.0.0)
    package67107 (1.0.0)
    package67108 (1.0.0)
    package67109 (1.0.0)
    package67110 (1.0.0)
    package67111 (1.0.0)
    package67112 (1.0.0)
    package67113 (1.0.0)
    package67114 (1.0.0)
    package67115 (1.0.0)
    package67116 (1.0.0)
    package67117 (1.0.0)
    package67118 (1.0.0)
    package67119 (1.0.0)
    package67120 (1.0.0)
    package67121 (1.0.0)
    package67122 (1.0.0)
    package67123 (1.0.0)
    package67124 (1.0.0)
    package67125 (1.0.0)
    package67126 (1.0.0)
    package67127 (1.0.0)
    package67128 (1.0.0)
    package67129 (1.0.0)
    package67130 (1.0.0)
    package67131 (1.0.0)
    package67132 (1.0.0)
    package67133 (1.0.0)
    package67134 (1.0.0)
    package67135 (1.0.0)
    package67136 (1.0.0)
    package67137 (1.0.0)
    package67138 (1.0.0)
    package67139 (1.0.0)
    package67140 (1.0.0)
    package67141 (1.0.0)
    package67142 (1.0.0)
    package67143 (1.0.0)
    package67144 (1.0.0)
    package67145 (1.0.0)
    package67146 (1.0.0)
    package67147 (1.0.0)
    package67148 (1.0.0)
    package67149 (1.0.0)
    package67150 (1.0.0)
    package67151 (1.0.0)
    package67152 (1.0.0)
    package67153 (1.0.0)
    package67154 (1.0.0)
    package67155 (1.0.0)
    package67156 (1.0.0)
    package67157 (1.0.0)
    package67158 (1.0.0)
    package67159 (1.0.0)
    package67160 (1.0.0)
    package67161 (1.0.0)
    package67162 (1.0.0)
    package67163 (1.0.0)
    package67164 (1.0.0)
    package67165 (1.0.0)
    package67166 (1.0.0)
    package67167 (1.0.0)
    package67168 (1.0.0)
    package67169 (1.0.0)
    package67170 (1.0.0)
    package67171 (1.0.0)
    package67172 (1.0.0)
    package67173 (1.0.0)
    package67174 (1.0.0)
    package67175 (1.0.0)
    package67176 (1.0.0)
    package67177 (1.0.0)
    package67178 (1.0.0)
    package67179 (1.0.0)
    package67180 (1.0.0)
    package67181 (1.0.0)
    package67182 (1.0.0)
    package67183 (1.0.0)
    package67184 (1.0.0)
    package67185 (1.0.0)
    package67186 (1.0.0)
    package67187 (1.0.0)
    package67188 (1.0.0)
    package67189 (1.0.0)
    package67190 (1.0.0)
    package67191 (1.0.0)
    package67192 (1.0.0)
    package67193 (1.0.0)
    package67194 (1.0.0)
    package67195 (1.0.0)
    package67196 (1.0.0)
    package67197 (1.0.0)
    package67198 (1.0.0)
    package67199 (1.0.0)
    package67200 (1.0.0)
    package67201 (1.0.0)
    package67202 (1.0.0)
    package67203 (1.0.0)
    package67204 (1.0.0)
    package67205 (1.0.0)
    package67206 (1.0.0)
    package67207 (1.0.0)
    package67208 (1.0.0)
    package67209 (1.0.0)
    package67210 (1.0.0)
    package67211 (1.0.0)
    package67212 (1.0.0)
    package67213 (1.0.0)
    package67214 (1.0.0)
    package67215 (1.0.0)
    package67216 (1.0.0)
    package67217 (1.0.0)
    package67218 (1.0.0)
    package67219 (1.0.0)
    package67220 (1.0.0)
    package67221 (1.0.0)
    package67222 (1.0.0)
    package67223 (1.0.0)
    package67224 (1.0.0)
    package67225 (1.0.0)
    package67226 (1.0.0)
    package67227 (1.0.0)
    package67228 (1.0.0)
    package67229 (1.0.0)
    package67230 (1.0.0)
    package67231 (1.0.0)
    package67232 (1.0.0)
    package67233 (1.0.0)
    package67234 (1.0.0)
    package67235 (1.0.0)
    package67236 (1.0.0)
    package67237 (1.0.0)
    package67238 (1.0.0)
    package67239 (1.0.0)
    package67240 (1.0.0)
    package67241 (1.0.0)
    package67242 (1.0.0)
    package67243 (1.0.0)
    package67244 (1.0.0)
    package67245 (1.0.0)
    package67246 (1.0.0)
    package67247 (1.0.0)
    package67248 (1.0.0)
    package67249 (1.0.0)
    package67250 (1.0.0)
    package67251 (1.0.0)
    package67252 (1.0.0)
    package67253 (1.0.0)
    package67254 (1.0.0)
    package67255 (1.0.0)
    package67256 (1.0.0)
    package67257 (1.0.0)
    package67258 (1.0.0)
    package67259 (1.0.0)
    package67260 (1.0.0)
    package67261 (1.0.0)
    package67262 (1.0.0)
    package67263 (1.0.0)
    package67264 (1.0.0)
    package67265 (1.0.0)
    package67266 (1.0.0)
    package67267 (1.0.0)
    package67268 (1.0.0)
    package67269 (1.0.0)
    package67270 (1.0.0)
    package67271 (1.0.0)
    package67272 (1.0.0)
    package67273 (1.0.0)
    package67274 (1.0.0)
    package67275 (1.0.0)
    package67276 (1.0.0)
    package67277 (1.0.0)
    package67278 (1.0.0)
    package67279 (1.0.0)
    package67280 (1.0.0)
    package67281 (1.0.0)
    package67282 (1.0.0)
    package67283 (1.0.0)
    package67284 (1.0.0)
    package67285 (1.0.0)
    package67286 (1.0.0)
    package67287 (1.0.0)
    package67288 (1.0.0)
    package67289 (1.0.0)
    package67290 (1.0.0)
    package67291 (1.0.0)
    package67292 (1.0.0)
    package67293 (1.0.0)
    package67294 (1.0.0)
    package67295 (1.0.0)
    package67296 (1.0.0)
    package67297 (1.0.0)
    package67298 (1.0.0)
    package67299 (1.0.0)
    package67300 (1.0.0)
    package67301 (1.0.0)
    package67302 (1.0.0)
    package67303 (1.0.0)
    package67304 (1.0.0)
    package67305 (1.0.0)
    package67306 (1.0.0)
    package67307 (1.0.0)
    package67308 (1.0.0)
    package67309 (1.0.0)
    package67310 (1.0.0)
    package67311 (1.0.0)
    package67312 (1.0.0)
    package67313 (1.0.0)
    package67314 (1.0.0)
    package67315 (1.0.0)
    package67316 (1.0.0)
    package67317 (1.0.0)
    package67318 (1.0.0)
    package67319 (1.0.0)
    package67320 (1.0.0)
    package67321 (1.0.0)
    package67322 (1.0.0)
    package67323 (1.0.0)
    package67324 (1.0.0)
    package67325 (1.0.0)
    package67326 (1.0.0)
    package67327 (1.0.0)
    package67328 (1.0.0)
    package67329 (1.0.0)
    package67330 (1.0.0)
    package67331 (1.0.0)
    package67332 (1.0.0)
    package67333 (1.0.0)
    package67334 (1.0.0)
    package67335 (1.0.0)
    package67336 (1.0.0)
    package67337 (1.0.0)
    package67338 (1.0.0)
    package67339 (1.0.0)
    package67340 (1.0.0)
    package67341 (1.0.0)
    package67342 (1.0.0)
    package67343 (1.0.0)
    package67344 (1.0.0)
    package67345 (1.0.0)
    package67346 (1.0.0)
    package67347 (1.0.0)
    package67348 (1.0.0)
    package67349 (1.0.0)
    package67350 (1.0.0)
    package67351 (1.0.0)
    package67352 (1.0.0)
    package67353 (1.0.0)
    package67354 (1.0.0)
    package67355 (1.0.0)
    package67356 (1.0.0)
    package67357 (1.0.0)
    package67358 (1.0.0)
    package67359 (1.0.0)
    package67360 (1.0.0)
    package67361 (1.0.0)
    package67362 (1.0.0)
    package67363 (1.0.0)
    package67364 (1.0.0)
    package67365 (1.0.0)
    package67366 (1.0.0)
    package67367 (1.0.0)
    package67368 (1.0.0)
    package67369 (1.0.0)
    package67370 (1.0.0)
    package67371 (1.0.0)
    package67372 (1.0.0)
    package67373 (1.0.0)
    package67374 (1.0.0)
    package67375 (1.0.0)
    package67376 (1.0.0)
    package67377 (1.0.0)
    package67378 (1.0.0)
    package67379 (1.0.0)
    package67380 (1.0.0)
    package67381 (1.0.0)
    package67382 (1.0.0)
    package67383 (1.0.0)
    package67384 (1.0.0)
    package67385 (1.0.0)
    package67386 (1.0.0)
    package67387 (1.0.0)
    package67388 (1.0.0)
    package67389 (1.0.0)
    package67390 (1.0.0)
    package67391 (1.0.0)
    package67392 (1.0.0)
    package67393 (1.0.0)
    package67394 (1.0.0)
    package67395 (1.0.0)
    package67396 (1.0.0)
    package67397 (1.0.0)
    package67398 (1.0.0)
    package67399 (1.0.0)
    package67400 (1.0.0)
    package67401 (1.0.0)
    package67402 (1.0.0)
    package67403 (1.0.0)
    package67404 (1.0.0)
    package67405 (1.0.0)
    package67406 (1.0.0)
    package67407 (1.0.0)
    package67408 (1.0.0)
    package67409 (1.0.0)
    package67410 (1.0.0)
    package67411 (1.0.0)
    package67412 (1.0.0)
    package67413 (1.0.0)
    package67414 (1.0.0)
    package67415 (1.0.0)
    package67416 (1.0.0)
    package67417 (1.0.0)
    package67418 (1.0.0)
    package67419 (1.0.0)
    package67420 (1.0.0)
    package67421 (1.0.0)
    package67422 (1.0.0)
    package67423 (1.0.0)
    package67424 (1.0.0)
    package67425 (1.0.0)
    package67426 (1.0.0)
    package67427 (1.0.0)
    package67428 (1.0.0)
    package67429 (1.0.0)
    package67430 (1.0.0)
    package67431 (1.0.0)
    package67432 (1.0.0)
    package67433 (1.0.0)
    package67434 (1.0.0)
    package67435 (1.0.0)
    package67436 (1.0.0)
    package67437 (1.0.0)
    package67438 (1.0.0)
    package67439 (1.0.0)
    package67440 (1.0.0)
    package67441 (1.0.0)
    package67442 (1.0.0)
    package67443 (1.0.0)
    package67444 (1.0.0)
    package67445 (1.0.0)
    package67446 (1.0.0)
    package67447 (1.0.0)
    package67448 (1.0.0)
    package67449 (1.0.0)
    package67450 (1.0.0)
    package67451 (1.0.0)
    package67452 (1.0.0)
    package67453 (1.0.0)
    package67454 (1.0.0)
    package67455 (1.0.0)
    package67456 (1.0.0)
    package67457 (1.0.0)
    package67458 (1.0.0)
    package67459 (1.0.0)
    package67460 (1.0.0)
    package67461 (1.0.0)
    package67462 (1.0.0)
    package67463 (1.0.0)
    package67464 (1.0.0)
    package67465 (1.0.0)
    package67466 (1.0.0)
    package67467 (1.0.0)
    package67468 (1.0.0)
    package67469 (1.0.0)
    package67470 (1.0.0)
    package67471 (1.0.0)
    package67472 (1.0.0)
    package67473 (1.0.0)
    package67474 (1.0.0)
    package67475 (1.0.0)
    package67476 (1.0.0)
    package67477 (1.0.0)
    package67478 (1.0.0)
    package67479 (1.0.0)
    package67480 (1.0.0)
    package67481 (1.0.0)
    package67482 (1.0.0)
    package67483 (1.0.0)
    package67484 (1.0.0)
    package67485 (1.0.0)
    package67486 (1.0.0)
    package67487 (1.0.0)
    package67488 (1.0.0)
    package67489 (1.0.0)
    package67490 (1.0.0)
    package67491 (1.0.0)
    package67492 (1.0.0)
    package67493 (1.0.0)
    package67494 (1.0.0)
    package67495 (1.0.0)
    package67496 (1.0.0)
    package67497 (1.0.0)
    package67498 (1.0.0)
    package67499 (1.0.0)
    package67500 (1.0.0)
    package67501 (1.0.0)
    package67502 (1.0.0)
    package67503 (1.0.0)
    package67504 (1.0.0)
    package67505 (1.0.0)
    package67506 (1.0.0)
    package67507 (1.0.0)
    package67508 (1.0.0)
    package67509 (1.0.0)
    package67510 (1.0.0)
    package67511 (1.0.0)
    package67512 (1.0.0)
    package67513 (1.0.0)
    package67514 (1.0.0)
    package67515 (1.0.0)
    package67516 (1.0.0)
    package67517 (1.0.0)
    package67518 (1.0.0)
    package67519 (1.0.0)
    package67520 (1.0.0)
    package67521 (1.0.0)
    package67522 (1.0.0)
    package67523 (1.0.0)
    package67524 (1.0.0)
    package67525 (1.0.0)
    package67526 (1.0.0)
    package67527 (1.0.0)
    package67528 (1.0.0)
    package67529 (1.0.0)
    package67530 (1.0.0)
    package67531 (1.0.0)
    package67532 (1.0.0)
    package67533 (1.0.0)
    package67534 (1.0.0)
    package67535 (1.0.0)
    package67536 (1.0.0)
    package67537 (1.0.0)
    package67538 (1.0.0)
    package67539 (1.0.0)
    package67540 (1.0.0)
    package67541 (1.0.0)
    package67542 (1.0.0)
    package67543 (1.0.0)
    package67544 (1.0.0)
    package67545 (1.0.0)
    package67546 (1.0.0)
    package67547 (1.0.0)
    package67548 (1.0.0)
    package67549 (1.0.0)
    package67550 (1.0.0)
    package67551 (1.0.0)
    package67552 (1.0.0)
    package67553 (1.0.0)
    package67554 (1.0.0)
    package67555 (1.0.0)
    package67556 (1.0.0)
    package67557 (1.0.0)
    package67558 (1.0.0)
    package67559 (1.0.0)
    package67560 (1.0.0)
    package67561 (1.0.0)
    package67562 (1.0.0)
    package67563 (1.0.0)
    package67564 (1.0.0)
    package67565 (1.0.0)
    package67566 (1.0.0)
    package67567 (1.0.0)
    package67568 (1.0.0)
    package67569 (1.0.0)
    package67570 (1.0.0)
    package67571 (1.0.0)
    package67572 (1.0.0)
    package67573 (1.0.0)
    package67574 (1.0.0)
    package67575 (1.0.0)
    package67576 (1.0.0)
    package67577 (1.0.0)
    package67578 (1.0.0)
    package67579 (1.0.0)
    package67580 (1.0.0)
    package67581 (1.0.0)
    package67582 (1.0.0)
    package67583 (1.0.0)
    package67584 (1.0.0)
    package67585 (1.0.0)
    package67586 (1.0.0)
    package67587 (1.0.0)
    package67588 (1.0.0)
    package67589 (1.0.0)
    package67590 (1.0.0)
    package67591 (1.0.0)
    package67592 (1.0.0)
    package67593 (1.0.0)
    package67594 (1.0.0)
    package67595 (1.0.0)
    package67596 (1.0.0)
    package67597 (1.0.0)
    package67598 (1.0.0)
    package67599 (1.0.0)
    package67600 (1.0.0)
    package67601 (1.0.0)
    package67602 (1.0.0)
    package67603 (1.0.0)
    package67604 (1.0.0)
    package67605 (1.0.0)
    package67606 (1.0.0)
    package67607 (1.0.0)
    package67608 (1.0.0)
    package67609 (1.0.0)
    package67610 (1.0.0)
    package67611 (1.0.0)
    package67612 (1.0.0)
    package67613 (1.0.0)
    package67614 (1.0.0)
    package67615 (1.0.0)
    package67616 (1.0.0)
    package67617 (1.0.0)
    package67618 (1.0.0)
    package67619 (1.0.0)
    package67620 (1.0.0)
    package67621 (1.0.0)
    package67622 (1.0.0)
    package67623 (1.0.0)
    package67624 (1.0.0)
    package67625 (1.0.0)
    package67626 (1.0.0)
    package67627 (1.0.0)
    package67628 (1.0.0)
    package67629 (1.0.0)
    package67630 (1.0.0)
    package67631 (1.0.0)
    package67632 (1.0.0)
    package67633 (1.0.0)
    package67634 (1.0.0)
    package67635 (1.0.0)
    package67636 (1.0.0)
    package67637 (1.0.0)
    package67638 (1.0.0)
    package67639 (1.0.0)
    package67640 (1.0.0)
    package67641 (1.0.0)
    package67642 (1.0.0)
    package67643 (1.0.0)
    package67644 (1.0.0)
    package67645 (1.0.0)
    package67646 (1.0.0)
    package67647 (1.0.0)
    package67648 (1.0.0)
    package67649 (1.0.0)
    package67650 (1.0.0)
    package67651 (1.0.0)
    package67652 (1.0.0)
    package67653 (1.0.0)
    package67654 (1.0.0)
    package67655 (1.0.0)
    package67656 (1.0.0)
    package67657 (1.0.0)
    package67658 (1.0.0)
    package67659 (1.0.0)
    package67660 (1.0.0)
    package67661 (1.0.0)
    package67662 (1.0.0)
    package67663 (1.0.0)
    package67664 (1.0.0)
    package67665 (1.0.0)
    package67666 (1.0.0)
    package67667 (1.0.0)
    package67668 (1.0.0)
    package67669 (1.0.0)
    package67670 (1.0.0)
    package67671 (1.0.0)
    package67672 (1.0.0)
    package67673 (1.0.0)
    package67674 (1.0.0)
    package67675 (1.0.0)
    package67676 (1.0.0)
    package67677 (1.0.0)
    package67678 (1.0.0)
    package67679 (1.0.0)
    package67680 (1.0.0)
    package67681 (1.0.0)
    package67682 (1.0.0)
    package67683 (1.0.0)
    package67684 (1.0.0)
    package67685 (1.0.0)
    package67686 (1.0.0)
    package67687 (1.0.0)
    package67688 (1.0.0)
    package67689 (1.0.0)
    package67690 (1.0.0)
    package67691 (1.0.0)
    package67692 (1.0.0)
    package67693 (1.0.0)
    package67694 (1.0.0)
    package67695 (1.0.0)
    package67696 (1.0.0)
    package67697 (1.0.0)
    package67698 (1.0.0)
    package67699 (1.0.0)
    package67700 (1.0.0)
    package67701 (1.0.0)
    package67702 (1.0.0)
    package67703 (1.0.0)
    package67704 (1.0.0)
    package67705 (1.0.0)
    package67706 (1.0.0)
    package67707 (1.0.0)
    package67708 (1.0.0)
    package67709 (1.0.0)
    package67710 (1.0.0)
    package67711 (1.0.0)
    package67712 (1.0.0)
    package67713 (1.0.0)
    package67714 (1.0.0)
    package67715 (1.0.0)
    package67716 (1.0.0)
    package67717 (1.0.0)
    package67718 (1.0.0)
    package67719 (1.0.0)
    package67720 (1.0.0)
    package67721 (1.0.0)
    package67722 (1.0.0)
    package67723 (1.0.0)
    package67724 (1.0.0)
    package67725 (1.0.0)
    package67726 (1.0.0)
    package67727 (1.0.0)
    package67728 (1.0.0)
    package67729 (1.0.0)
    package67730 (1.0.0)
    package67731 (1.0.0)
    package67732 (1.0.0)
    package67733 (1.0.0)
    package67734 (1.0.0)
    package67735 (1.0.0)
    package67736 (1.0.0)
    package67737 (1.0.0)
    package67738 (1.0.0)
    package67739 (1.0.0)
    package67740 (1.0.0)
    package67741 (1.0.0)
    package67742 (1.0.0)
    package67743 (1.0.0)
    package67744 (1.0.0)
    package67745 (1.0.0)
    package67746 (1.0.0)
    package67747 (1.0.0)
    package67748 (1.0.0)
    package67749 (1.0.0)
    package67750 (1.0.0)
    package67751 (1.0.0)
    package67752 (1.0.0)
    package67753 (1.0.0)
    package67754 (1.0.0)
    package67755 (1.0.0)
    package67756 (1.0.0)
    package67757 (1.0.0)
    package67758 (1.0.0)
    package67759 (1.0.0)
    package67760 (1.0.0)
    package67761 (1.0.0)
    package67762 (1.0.0)
    package67763 (1.0.0)
    package67764 (1.0.0)
    package67765 (1.0.0)
    package67766 (1.0.0)
    package67767 (1.0.0)
    package67768 (1.0.0)
    package67769 (1.0.0)
    package67770 (1.0.0)
    package67771 (1.0.0)
    package67772 (1.0.0)
    package67773 (1.0.0)
    package67774 (1.0.0)
    package67775 (1.0.0)
    package67776 (1.0.0)
    package67777 (1.0.0)
    package67778 (1.0.0)
    package67779 (1.0.0)
    package67780 (1.0.0)
    package67781 (1.0.0)
    package67782 (1.0.0)
    package67783 (1.0.0)
    package67784 (1.0.0)
    package67785 (1.0.0)
    package67786 (1.0.0)
    package67787 (1.0.0)
    package67788 (1.0.0)
    package67789 (1.0.0)
    package67790 (1.0.0)
    package67791 (1.0.0)
    package67792 (1.0.0)
    package67793 (1.0.0)
    package67794 (1.0.0)
    package67795 (1.0.0)
    package67796 (1.0.0)
    package67797 (1.0.0)
    package67798 (1.0.0)
    package67799 (1.0.0)
    package67800 (1.0.0)
    package67801 (1.0.0)
    package67802 (1.0.0)
    package67803 (1.0.0)
    package67804 (1.0.0)
    package67805 (1.0.0)
    package67806 (1.0.0)
    package67807 (1.0.0)
    package67808 (1.0.0)
    package67809 (1.0.0)
    package67810 (1.0.0)
    package67811 (1.0.0)
    package67812 (1.0.0)
    package67813 (1.0.0)
    package67814 (1.0.0)
    package67815 (1.0.0)
    package67816 (1.0.0)
    package67817 (1.0.0)
    package67818 (1.0.0)
    package67819 (1.0.0)
    package67820 (1.0.0)
    package67821 (1.0.0)
    package67822 (1.0.0)
    package67823 (1.0.0)
    package67824 (1.0.0)
    package67825 (1.0.0)
    package67826 (1.0.0)
    package67827 (1.0.0)
    package67828 (1.0.0)
    package67829 (1.0.0)
    package67830 (1.0.0)
    package67831 (1.0.0)
    package67832 (1.0.0)
    package67833 (1.0.0)
    package67834 (1.0.0)
    package67835 (1.0.0)
    package67836 (1.0.0)
    package67837 (1.0.0)
    package67838 (1.0.0)
    package67839 (1.0.0)
    package67840 (1.0.0)
    package67841 (1.0.0)
    package67842 (1.0.0)
    package67843 (1.0.0)
    package67844 (1.0.0)
    package67845 (1.0.0)
    package67846 (1.0.0)
    package67847 (1.0.0)
    package67848 (1.0.0)
    package67849 (1.0.0)
    package67850 (1.0.0)
    package67851 (1.0.0)
    package67852 (1.0.0)
    package67853 (1.0.0)
    package67854 (1.0.0)
    package67855 (1.0.0)
    package67856 (1.0.0)
    package67857 (1.0.0)
    package67858 (1.0.0)
    package67859 (1.0.0)
    package67860 (1.0.0)
    package67861 (1.0.0)
    package67862 (1.0.0)
    package67863 (1.0.0)
    package67864 (1.0.0)
    package67865 (1.0.0)
    package67866 (1.0.0)
    package67867 (1.0.0)
    package67868 (1.0.0)
    package67869 (1.0.0)
    package67870 (1.0.0)
    package67871 (1.0.0)
    package67872 (1.0.0)
    package67873 (1.0.0)
    package67874 (1.0.0)
    package67875 (1.0.0)
    package67876 (1.0.0)
    package67877 (1.0.0)
    package67878 (1.0.0)
    package67879 (1.0.0)
    package67880 (1.0.0)
    package67881 (1.0.0)
    package67882 (1.0.0)
    package67883 (1.0.0)
    package67884 (1.0.0)
    package67885 (1.0.0)
    package67886 (1.0.0)
    package67887 (1.0.0)
    package67888 (1.0.0)
    package67889 (1.0.0)
    package67890 (1.0.0)
    package67891 (1.0.0)
    package67892 (1.0.0)
    package67893 (1.0.0)
    package67894 (1.0.0)
    package67895 (1.0.0)
    package67896 (1.0.0)
    package67897 (1.0.0)
    package67898 (1.0.0)
    package67899 (1.0.0)
    package67900 (1.0.0)
    package67901 (1.0.0)
    package67902 (1.0.0)
    package67903 (1.0.0)
    package67904 (1.0.0)
    package67905 (1.0.0)
    package67906 (1.0.0)
    package67907 (1.0.0)
    package67908 (1.0.0)
    package67909 (1.0.0)
    package67910 (1.0.0)
    package67911 (1.0.0)
    package67912 (1.0.0)
    package67913 (1.0.0)
    package67914 (1.0.0)
    package67915 (1.0.0)
    package67916 (1.0.0)
    package67917 (1.0.0)
    package67918 (1.0.0)
    package67919 (1.0.0)
    package67920 (1.0.0)
    package67921 (1.0.0)
    package67922 (1.0.0)
    package67923 (1.0.0)
    package67924 (1.0.0)
    package67925 (1.0.0)
    package67926 (1.0.0)
    package67927 (1.0.0)
    package67928 (1.0.0)
    package67929 (1.0.0)
    package67930 (1.0.0)
    package67931 (1.0.0)
    package67932 (1.0.0)
    package67933 (1.0.0)
    package67934 (1.0.0)
    package67935 (1.0.0)
    package67936 (1.0.0)
    package67937 (1.0.0)
    package67938 (1.0.0)
    package67939 (1.0.0)
    package67940 (1.0.0)
    package67941 (1.0.0)
    package67942 (1.0.0)
    package67943 (1.0.0)
    package67944 (1.0.0)
    package67945 (1.0.0)
    package67946 (1.0.0)
    package67947 (1.0.0)
    package67948 (1.0.0)
    package67949 (1.0.0)
    package67950 (1.0.0)
    package67951 (1.0.0)
    package67952 (1.0.0)
    package67953 (1.0.0)
    package67954 (1.0.0)
    package67955 (1.0.0)
    package67956 (1.0.0)
    package67957 (1.0.0)
    package67958 (1.0.0)
    package67959 (1.0.0)
    package67960 (1.0.0)
    package67961 (1.0.0)
    package67962 (1.0.0)
    package67963 (1.0.0)
    package67964 (1.0.0)
    package67965 (1.0.0)
    package67966 (1.0.0)
    package67967 (1.0.0)
    package67968 (1.0.0)
    package67969 (1.0.0)
    package67970 (1.0.0)
    package67971 (1.0.0)
    package67972 (1.0.0)
    package67973 (1.0.0)
    package67974 (1.0.0)
    package67975 (1.0.0)
    package67976 (1.0.0)
    package67977 (1.0.0)
    package67978 (1.0.0)
    package67979 (1.0.0)
    package67980 (1.0.0)
    package67981 (1.0.0)
    package67982 (1.0.0)
    package67983 (1.0.0)
    package67984 (1.0.0)
    package67985 (1.0.0)
    package67986 (1.0.0)
    package67987 (1.0.0)
    package67988 (1.0.0)
    package67989 (1.0.0)
    package67990 (1.0.0)
    package67991 (1.0.0)
    package67992 (1.0.0)
    package67993 (1.0.0)
    package67994 (1.0.0)
    package67995 (1.0.0)
    package67996 (1.0.0)
    package67997 (1.0.0)
    package67998 (1.0.0)
    package67999 (1.0.0)
    package68000 (1.0.0)
    package68001 (1.0.0)
    package68002 (1.0.0)
    package68003 (1.0.0)
    package68004 (1.0.0)
    package68005 (1.0.0)
    package68006 (1.0.0)
    package68007 (1.0.0)
    package68008 (1.0.0)
    package68009 (1.0.0)
    package68010 (1.0.0)
    package68011 (1.0.0)
    package68012 (1.0.0)
    package68013 (1.0.0)
    package68014 (1.0.0)
    package68015 (1.0.0)
    package68016 (1.0.0)
    package68017 (1.0.0)
    package68018 (1.0.0)
    package68019 (1.0.0)
    package68020 (1.0.0)
    package68021 (1.0.0)
    package68022 (1.0.0)
    package68023 (1.0.0)
    package68024 (1.0.0)
    package68025 (1.0.0)
    package68026 (1.0.0)
    package68027 (1.0.0)
    package68028 (1.0.0)
    package68029 (1.0.0)
    package68030 (1.0.0)
    package68031 (1.0.0)
    package68032 (1.0.0)
    package68033 (1.0.0)
    package68034 (1.0.0)
    package68035 (1.0.0)
    package68036 (1.0.0)
    package68037 (1.0.0)
    package68038 (1.0.0)
    package68039 (1.0.0)
    package68040 (1.0.0)
    package68041 (1.0.0)
    package68042 (1.0.0)
    package68043 (1.0.0)
    package68044 (1.0.0)
    package68045 (1.0.0)
    package68046 (1.0.0)
    package68047 (1.0.0)
    package68048 (1.0.0)
    package68049 (1.0.0)
    package68050 (1.0.0)
    package68051 (1.0.0)
    package68052 (1.0.0)
    package68053 (1.0.0)
    package68054 (1.0.0)
    package68055 (1.0.0)
    package68056 (1.0.0)
    package68057 (1.0.0)
    package68058 (1.0.0)
    package68059 (1.0.0)
    package68060 (1.0.0)
    package68061 (1.0.0)
    package68062 (1.0.0)
    package68063 (1.0.0)
    package68064 (1.0.0)
    package68065 (1.0.0)
    package68066 (1.0.0)
    package68067 (1.0.0)
    package68068 (1.0.0)
    package68069 (1.0.0)
    package68070 (1.0.0)
    package68071 (1.0.0)
    package68072 (1.0.0)
    package68073 (1.0.0)
    package68074 (1.0.0)
    package68075 (1.0.0)
    package68076 (1.0.0)
    package68077 (1.0.0)
    package68078 (1.0.0)
    package68079 (1.0.0)
    package68080 (1.0.0)
    package68081 (1.0.0)
    package68082 (1.0.0)
    package68083 (1.0.0)
    package68084 (1.0.0)
    package68085 (1.0.0)
    package68086 (1.0.0)
    package68087 (1.0.0)
    package68088 (1.0.0)
    package68089 (1.0.0)
    package68090 (1.0.0)
    package68091 (1.0.0)
    package68092 (1.0.0)
    package68093 (1.0.0)
    package68094 (1.0.0)
    package68095 (1.0.0)
    package68096 (1.0.0)
    package68097 (1.0.0)
    package68098 (1.0.0)
    package68099 (1.0.0)
    package68100 (1.0.0)
    package68101 (1.0.0)
    package68102 (1.0.0)
    package68103 (1.0.0)
    package68104 (1.0.0)
    package68105 (1.0.0)
    package68106 (1.0.0)
    package68107 (1.0.0)
    package68108 (1.0.0)
    package68109 (1.0.0)
    package68110 (1.0.0)
    package68111 (1.0.0)
    package68112 (1.0.0)
    package68113 (1.0.0)
    package68114 (1.0.0)
    package68115 (1.0.0)
    package68116 (1.0.0)
    package68117 (1.0.0)
    package68118 (1.0.0)
    package68119 (1.0.0)
    package68120 (1.0.0)
    package68121 (1.0.0)
    package68122 (1.0.0)
    package68123 (1.0.0)
    package68124 (1.0.0)
    package68125 (1.0.0)
    package68126 (1.0.0)
    package68127 (1.0.0)
    package68128 (1.0.0)
    package68129 (1.0.0)
    package68130 (1.0.0)
    package68131 (1.0.0)
    package68132 (1.0.0)
    package68133 (1.0.0)
    package68134 (1.0.0)
    package68135 (1.0.0)
    package68136 (1.0.0)
    package68137 (1.0.0)
    package68138 (1.0.0)
    package68139 (1.0.0)
    package68140 (1.0.0)
    package68141 (1.0.0)
    package68142 (1.0.0)
    package68143 (1.0.0)
    package68144 (1.0.0)
    package68145 (1.0.0)
    package68146 (1.0.0)
    package68147 (1.0.0)
    package68148 (1.0.0)
    package68149 (1.0.0)
    package68150 (1.0.0)
    package68151 (1.0.0)
    package68152 (1.0.0)
    package68153 (1.0.0)
    package68154 (1.0.0)
    package68155 (1.0.0)
    package68156 (1.0.0)
    package68157 (1.0.0)
    package68158 (1.0.0)
    package68159 (1.0.0)
    package68160 (1.0.0)
    package68161 (1.0.0)
    package68162 (1.0.0)
    package68163 (1.0.0)
    package68164 (1.0.0)
    package68165 (1.0.0)
    package68166 (1.0.0)
    package68167 (1.0.0)
    package68168 (1.0.0)
    package68169 (1.0.0)
    package68170 (1.0.0)
    package68171 (1.0.0)
    package68172 (1.0.0)
    package68173 (1.0.0)
    package68174 (1.0.0)
    package68175 (1.0.0)
    package68176 (1.0.0)
    package68177 (1.0.0)
    package68178 (1.0.0)
    package68179 (1.0.0)
    package68180 (1.0.0)
    package68181 (1.0.0)
    package68182 (1.0.0)
    package68183 (1.0.0)
    package68184 (1.0.0)
    package68185 (1.0.0)
    package68186 (1.0.0)
    package68187 (1.0.0)
    package68188 (1.0.0)
    package68189 (1.0.0)
    package68190 (1.0.0)
    package68191 (1.0.0)
    package68192 (1.0.0)
    package68193 (1.0.0)
    package68194 (1.0.0)
    package68195 (1.0.0)
    package68196 (1.0.0)
    package68197 (1.0.0)
    package68198 (1.0.0)
    package68199 (1.0.0)
    package68200 (1.0.0)
    package68201 (1.0.0)
    package68202 (1.0.0)
    package68203 (1.0.0)
    package68204 (1.0.0)
    package68205 (1.0.0)
    package68206 (1.0.0)
    package68207 (1.0.0)
    package68208 (1.0.0)
    package68209 (1.0.0)
    package68210 (1.0.0)
    package68211 (1.0.0)
    package68212 (1.0.0)
    package68213 (1.0.0)
    package68214 (1.0.0)
    package68215 (1.0.0)
    package68216 (1.0.0)
    package68217 (1.0.0)
    package68218 (1.0.0)
    package68219 (1.0.0)
    package68220 (1.0.0)
    package68221 (1.0.0)
    package68222 (1.0.0)
    package68223 (1.0.0)
    package68224 (1.0.0)
    package68225 (1.0.0)
    package68226 (1.0.0)
    package68227 (1.0.0)
    package68228 (1.0.0)
    package68229 (1.0.0)
    package68230 (1.0.0)
    package68231 (1.0.0)
    package68232 (1.0.0)
    package68233 (1.0.0)
    package68234 (1.0.0)
    package68235 (1.0.0)
    package68236 (1.0.0)
    package68237 (1.0.0)
    package68238 (1.0.0)
    package68239 (1.0.0)
    package68240 (1.0.0)
    package68241 (1.0.0)
    package68242 (1.0.0)
    package68243 (1.0.0)
    package68244 (1.0.0)
    package68245 (1.0.0)
    package68246 (1.0.0)
    package68247 (1.0.0)
    package68248 (1.0.0)
    package68249 (1.0.0)
    package68250 (1.0.0)
    package68251 (1.0.0)
    package68252 (1.0.0)
    package68253 (1.0.0)
    package68254 (1.0.0)
    package68255 (1.0.0)
    package68256 (1.0.0)
    package68257 (1.0.0)
    package68258 (1.0.0)
    package68259 (1.0.0)
    package68260 (1.0.0)
    package68261 (1.0.0)
    package68262 (1.0.0)
    package68263 (1.0.0)
    package68264 (1.0.0)
    package68265 (1.0.0)
    package68266 (1.0.0)
    package68267 (1.0.0)
    package68268 (1.0.0)
    package68269 (1.0.0)
    package68270 (1.0.0)
    package68271 (1.0.0)
    package68272 (1.0.0)
    package68273 (1.0.0)
    package68274 (1.0.0)
    package68275 (1.0.0)
    package68276 (1.0.0)
    package68277 (1.0.0)
    package68278 (1.0.0)
    package68279 (1.0.0)
    package68280 (1.0.0)
    package68281 (1.0.0)
    package68282 (1.0.0)
    package68283 (1.0.0)
    package68284 (1.0.0)
    package68285 (1.0.0)
    package68286 (1.0.0)
    package68287 (1.0.0)
    package68288 (1.0.0)
    package68289 (1.0.0)
    package68290 (1.0.0)
    package68291 (1.0.0)
    package68292 (1.0.0)
    package68293 (1.0.0)
    package68294 (1.0.0)
    package68295 (1.0.0)
    package68296 (1.0.0)
    package68297 (1.0.0)
    package68298 (1.0.0)
    package68299 (1.0.0)
    package68300 (1.0.0)
    package68301 (1.0.0)
    package68302 (1.0.0)
    package68303 (1.0.0)
    package68304 (1.0.0)
    package68305 (1.0.0)
    package68306 (1.0.0)
    package68307 (1.0.0)
    package68308 (1.0.0)
    package68309 (1.0.0)
    package68310 (1.0.0)
    package68311 (1.0.0)
    package68312 (1.0.0)
    package68313 (1.0.0)
    package68314 (1.0.0)
    package68315 (1.0.0)
    package68316 (1.0.0)
    package68317 (1.0.0)
    package68318 (1.0.0)
    package68319 (1.0.0)
    package68320 (1.0.0)
    package68321 (1.0.0)
    package68322 (1.0.0)
    package68323 (1.0.0)
    package68324 (1.0.0)
    package68325 (1.0.0)
    package68326 (1.0.0)
    package68327 (1.0.0)
    package68328 (1.0.0)
    package68329 (1.0.0)
    package68330 (1.0.0)
    package68331 (1.0.0)
    package68332 (1.0.0)
    package68333 (1.0.0)
    package68334 (1.0.0)
    package68335 (1.0.0)
    package68336 (1.0.0)
    package68337 (1.0.0)
    package68338 (1.0.0)
    package68339 (1.0.0)
    package68340 (1.0.0)
    package68341 (1.0.0)
    package68342 (1.0.0)
    package68343 (1.0.0)
    package68344 (1.0.0)
    package68345 (1.0.0)
    package68346 (1.0.0)
    package68347 (1.0.0)
    package68348 (1.0.0)
    package68349 (1.0.0)
    package68350 (1.0.0)
    package68351 (1.0.0)
    package68352 (1.0.0)
    package68353 (1.0.0)
    package68354 (1.0.0)
    package68355 (1.0.0)
    package68356 (1.0.0)
    package68357 (1.0.0)
    package68358 (1.0.0)
    package68359 (1.0.0)
    package68360 (1.0.0)
    package68361 (1.0.0)
    package68362 (1.0.0)
    package68363 (1.0.0)
    package68364 (1.0.0)
    package68365 (1.0.0)
    package68366 (1.0.0)
    package68367 (1.0.0)
    package68368 (1.0.0)
    package68369 (1.0.0)
    package68370 (1.0.0)
    package68371 (1.0.0)
    package68372 (1.0.0)
    package68373 (1.0.0)
    package68374 (1.0.0)
    package68375 (1.0.0)
    package68376 (1.0.0)
    package68377 (1.0.0)
    package68378 (1.0.0)
    package68379 (1.0.0)
    package68380 (1.0.0)
    package68381 (1.0.0)
    package68382 (1.0.0)
    package68383 (1.0.0)
    package68384 (1.0.0)
    package68385 (1.0.0)
    package68386 (1.0.0)
    package68387 (1.0.0)
    package68388 (1.0.0)
    package68389 (1.0.0)
    package68390 (1.0.0)
    package68391 (1.0.0)
    package68392 (1.0.0)
    package68393 (1.0.0)
    package68394 (1.0.0)
    package68395 (1.0.0)
    package68396 (1.0.0)
    package68397 (1.0.0)
    package68398 (1.0.0)
    package68399 (1.0.0)
    package68400 (1.0.0)
    package68401 (1.0.0)
    package68402 (1.0.0)
    package68403 (1.0.0)
    package68404 (1.0.0)
    package68405 (1.0.0)
    package68406 (1.0.0)
    package68407 (1.0.0)
    package68408 (1.0.0)
    package68409 (1.0.0)
    package68410 (1.0.0)
    package68411 (1.0.0)
    package68412 (1.0.0)
    package68413 (1.0.0)
    package68414 (1.0.0)
    package68415 (1.0.0)
    package68416 (1.0.0)
    package68417 (1.0.0)
    package68418 (1.0.0)
    package68419 (1.0.0)
    package68420 (1.0.0)
    package68421 (1.0.0)
    package68422 (1.0.0)
    package68423 (1.0.0)
    package68424 (1.0.0)
    package68425 (1.0.0)
    package68426 (1.0.0)
    package68427 (1.0.0)
    package68428 (1.0.0)
    package68429 (1.0.0)
    package68430 (1.0.0)
    package68431 (1.0.0)
    package68432 (1.0.0)
    package68433 (1.0.0)
    package68434 (1.0.0)
    package68435 (1.0.0)
    package68436 (1.0.0)
    package68437 (1.0.0)
    package68438 (1.0.0)
    package68439 (1.0.0)
    package68440 (1.0.0)
    package68441 (1.0.0)
    package68442 (1.0.0)
    package68443 (1.0.0)
    package68444 (1.0.0)
    package68445 (1.0.0)
    package68446 (1.0.0)
    package68447 (1.0.0)
    package68448 (1.0.0)
    package68449 (1.0.0)
    package68450 (1.0.0)
    package68451 (1.0.0)
    package68452 (1.0.0)
    package68453 (1.0.0)
    package68454 (1.0.0)
    package68455 (1.0.0)
    package68456 (1.0.0)
    package68457 (1.0.0)
    package68458 (1.0.0)
    package68459 (1.0.0)
    package68460 (1.0.0)
    package68461 (1.0.0)
    package68462 (1.0.0)
    package68463 (1.0.0)
    package68464 (1.0.0)
    package68465 (1.0.0)
    package68466 (1.0.0)
    package68467 (1.0.0)
    package68468 (1.0.0)
    package68469 (1.0.0)
    package68470 (1.0.0)
    package68471 (1.0.0)
    package68472 (1.0.0)
    package68473 (1.0.0)
    package68474 (1.0.0)
    package68475 (1.0.0)
    package68476 (1.0.0)
    package68477 (1.0.0)
    package68478 (1.0.0)
    package68479 (1.0.0)
    package68480 (1.0.0)
    package68481 (1.0.0)
    package68482 (1.0.0)
    package68483 (1.0.0)
    package68484 (1.0.0)
    package68485 (1.0.0)
    package68486 (1.0.0)
    package68487 (1.0.0)
    package68488 (1.0.0)
    package68489 (1.0.0)
    package68490 (1.0.0)
    package68491 (1.0.0)
    package68492 (1.0.0)
    package68493 (1.0.0)
    package68494 (1.0.0)
    package68495 (1.0.0)
    package68496 (1.0.0)
    package68497 (1.0.0)
    package68498 (1.0.0)
    package68499 (1.0.0)
    package68500 (1.0.0)
    package68501 (1.0.0)
    package68502 (1.0.0)
    package68503 (1.0.0)
    package68504 (1.0.0)
    package68505 (1.0.0)
    package68506 (1.0.0)
    package68507 (1.0.0)
    package68508 (1.0.0)
    package68509 (1.0.0)
    package68510 (1.0.0)
    package68511 (1.0.0)
    package68512 (1.0.0)
    package68513 (1.0.0)
    package68514 (1.0.0)
    package68515 (1.0.0)
    package68516 (1.0.0)
    package68517 (1.0.0)
    package68518 (1.0.0)
    package68519 (1.0.0)
    package68520 (1.0.0)
    package68521 (1.0.0)
    package68522 (1.0.0)
    package68523 (1.0.0)
    package68524 (1.0.0)
    package68525 (1.0.0)
    package68526 (1.0.0)
    package68527 (1.0.0)
    package68528 (1.0.0)
    package68529 (1.0.0)
    package68530 (1.0.0)
    package68531 (1.0.0)
    package68532 (1.0.0)
    package68533 (1.0.0)
    package68534 (1.0.0)
    package68535 (1.0.0)
    package68536 (1.0.0)
    package68537 (1.0.0)
    package68538 (1.0.0)
    package68539 (1.0.0)
    package68540 (1.0.0)
    package68541 (1.0.0)
    package68542 (1.0.0)
    package68543 (1.0.0)
    package68544 (1.0.0)
    package68545 (1.0.0)
    package68546 (1.0.0)
    package68547 (1.0.0)
    package68548 (1.0.0)
    package68549 (1.0.0)
    package68550 (1.0.0)
    package68551 (1.0.0)
    package68552 (1.0.0)
    package68553 (1.0.0)
    package68554 (1.0.0)
    package68555 (1.0.0)
    package68556 (1.0.0)
    package68557 (1.0.0)
    package68558 (1.0.0)
    package68559 (1.0.0)
    package68560 (1.0.0)
    package68561 (1.0.0)
    package68562 (1.0.0)
    package68563 (1.0.0)
    package68564 (1.0.0)
    package68565 (1.0.0)
    package68566 (1.0.0)
    package68567 (1.0.0)
    package68568 (1.0.0)
    package68569 (1.0.0)
    package68570 (1.0.0)
    package68571 (1.0.0)
    package68572 (1.0.0)
    package68573 (1.0.0)
    package68574 (1.0.0)
    package68575 (1.0.0)
    package68576 (1.0.0)
    package68577 (1.0.0)
    package68578 (1.0.0)
    package68579 (1.0.0)
    package68580 (1.0.0)
    package68581 (1.0.0)
    package68582 (1.0.0)
    package68583 (1.0.0)
    package68584 (1.0.0)
    package68585 (1.0.0)
    package68586 (1.0.0)
    package68587 (1.0.0)
    package68588 (1.0.0)
    package68589 (1.0.0)
    package68590 (1.0.0)
    package68591 (1.0.0)
    package68592 (1.0.0)
    package68593 (1.0.0)
    package68594 (1.0.0)
    package68595 (1.0.0)
    package68596 (1.0.0)
    package68597 (1.0.0)
    package68598 (1.0.0)
    package68599 (1.0.0)
    package68600 (1.0.0)
    package68601 (1.0.0)
    package68602 (1.0.0)
    package68603 (1.0.0)
    package68604 (1.0.0)
    package68605 (1.0.0)
    package68606 (1.0.0)
    package68607 (1.0.0)
    package68608 (1.0.0)
    package68609 (1.0.0)
    package68610 (1.0.0)
    package68611 (1.0.0)
    package68612 (1.0.0)
    package68613 (1.0.0)
    package68614 (1.0.0)
    package68615 (1.0.0)
    package68616 (1.0.0)
    package68617 (1.0.0)
    package68618 (1.0.0)
    package68619 (1.0.0)
    package68620 (1.0.0)
    package68621 (1.0.0)
    package68622 (1.0.0)
    package68623 (1.0.0)
    package68624 (1.0.0)
    package68625 (1.0.0)
    package68626 (1.0.0)
    package68627 (1.0.0)
    package68628 (1.0.0)
    package68629 (1.0.0)
    package68630 (1.0.0)
    package68631 (1.0.0)
    package68632 (1.0.0)
    package68633 (1.0.0)
    package68634 (1.0.0)
    package68635 (1.0.0)
    package68636 (1.0.0)
    package68637 (1.0.0)
    package68638 (1.0.0)
    package68639 (1.0.0)
    package68640 (1.0.0)
    package68641 (1.0.0)
    package68642 (1.0.0)
    package68643 (1.0.0)
    package68644 (1.0.0)
    package68645 (1.0.0)
    package68646 (1.0.0)
    package68647 (1.0.0)
    package68648 (1.0.0)
    package68649 (1.0.0)
    package68650 (1.0.0)
    package68651 (1.0.0)
    package68652 (1.0.0)
    package68653 (1.0.0)
    package68654 (1.0.0)
    package68655 (1.0.0)
    package68656 (1.0.0)
    package68657 (1.0.0)
    package68658 (1.0.0)
    package68659 (1.0.0)
    package68660 (1.0.0)
    package68661 (1.0.0)
    package68662 (1.0.0)
    package68663 (1.0.0)
    package68664 (1.0.0)
    package68665 (1.0.0)
    package68666 (1.0.0)
    package68667 (1.0.0)
    package68668 (1.0.0)
    package68669 (1.0.0)
    package68670 (1.0.0)
    package68671 (1.0.0)
    package68672 (1.0.0)
    package68673 (1.0.0)
    package68674 (1.0.0)
    package68675 (1.0.0)
    package68676 (1.0.0)
    package68677 (1.0.0)
    package68678 (1.0.0)
    package68679 (1.0.0)
    package68680 (1.0.0)
    package68681 (1.0.0)
    package68682 (1.0.0)
    package68683 (1.0.0)
    package68684 (1.0.0)
    package68685 (1.0.0)
    package68686 (1.0.0)
    package68687 (1.0.0)
    package68688 (1.0.0)
    package68689 (1.0.0)
    package68690 (1.0.0)
    package68691 (1.0.0)
    package68692 (1.0.0)
    package68693 (1.0.0)
    package68694 (1.0.0)
    package68695 (1.0.0)
    package68696 (1.0.0)
    package68697 (1.0.0)
    package68698 (1.0.0)
    package68699 (1.0.0)
    package68700 (1.0.0)
    package68701 (1.0.0)
    package68702 (1.0.0)
    package68703 (1.0.0)
    package68704 (1.0.0)
    package68705 (1.0.0)
    package68706 (1.0.0)
    package68707 (1.0.0)
    package68708 (1.0.0)
    package68709 (1.0.0)
    package68710 (1.0.0)
    package68711 (1.0.0)
    package68712 (1.0.0)
    package68713 (1.0.0)
    package68714 (1.0.0)
    package68715 (1.0.0)
    package68716 (1.0.0)
    package68717 (1.0.0)
    package68718 (1.0.0)
    package68719 (1.0.0)
    package68720 (1.0.0)
    package68721 (1.0.0)
    package68722 (1.0.0)
    package68723 (1.0.0)
    package68724 (1.0.0)
    package68725 (1.0.0)
    package68726 (1.0.0)
    package68727 (1.0.0)
    package68728 (1.0.0)
    package68729 (1.0.0)
    package68730 (1.0.0)
    package68731 (1.0.0)
    package68732 (1.0.0)
    package68733 (1.0.0)
    package68734 (1.0.0)
    package68735 (1.0.0)
    package68736 (1.0.0)
    package68737 (1.0.0)
    package68738 (1.0.0)
    package68739 (1.0.0)
    package68740 (1.0.0)
    package68741 (1.0.0)
    package68742 (1.0.0)
    package68743 (1.0.0)
    package68744 (1.0.0)
    package68745 (1.0.0)
    package68746 (1.0.0)
    package68747 (1.0.0)
    package68748 (1.0.0)
    package68749 (1.0.0)
    package68750 (1.0.0)
    package68751 (1.0.0)
    package68752 (1.0.0)
    package68753 (1.0.0)
    package68754 (1.0.0)
    package68755 (1.0.0)
    package68756 (1.0.0)
    package68757 (1.0.0)
    package68758 (1.0.0)
    package68759 (1.0.0)
    package68760 (1.0.0)
    package68761 (1.0.0)
    package68762 (1.0.0)
    package68763 (1.0.0)
    package68764 (1.0.0)
    package68765 (1.0.0)
    package68766 (1.0.0)
    package68767 (1.0.0)
    package68768 (1.0.0)
    package68769 (1.0.0)
    package68770 (1.0.0)
    package68771 (1.0.0)
    package68772 (1.0.0)
    package68773 (1.0.0)
    package68774 (1.0.0)
    package68775 (1.0.0)
    package68776 (1.0.0)
    package68777 (1.0.0)
    package68778 (1.0.0)
    package68779 (1.0.0)
    package68780 (1.0.0)
    package68781 (1.0.0)
    package68782 (1.0.0)
    package68783 (1.0.0)
    package68784 (1.0.0)
    package68785 (1.0.0)
    package68786 (1.0.0)
    package68787 (1.0.0)
    package68788 (1.0.0)
    package68789 (1.0.0)
    package68790 (1.0.0)
    package68791 (1.0.0)
    package68792 (1.0.0)
    package68793 (1.0.0)
    package68794 (1.0.0)
    package68795 (1.0.0)
    package68796 (1.0.0)
    package68797 (1.0.0)
    package68798 (1.0.0)
    package68799 (1.0.0)
    package68800 (1.0.0)
    package68801 (1.0.0)
    package68802 (1.0.0)
    package68803 (1.0.0)
    package68804 (1.0.0)
    package68805 (1.0.0)
    package68806 (1.0.0)
    package68807 (1.0.0)
    package68808 (1.0.0)
    package68809 (1.0.0)
    package68810 (1.0.0)
    package68811 (1.0.0)
    package68812 (1.0.0)
    package68813 (1.0.0)
    package68814 (1.0.0)
    package68815 (1.0.0)
    package68816 (1.0.0)
    package68817 (1.0.0)
    package68818 (1.0.0)
    package68819 (1.0.0)
    package68820 (1.0.0)
    package68821 (1.0.0)
    package68822 (1.0.0)
    package68823 (1.0.0)
    package68824 (1.0.0)
    package68825 (1.0.0)
    package68826 (1.0.0)
    package68827 (1.0.0)
    package68828 (1.0.0)
    package68829 (1.0.0)
    package68830 (1.0.0)
    package68831 (1.0.0)
    package68832 (1.0.0)
    package68833 (1.0.0)
    package68834 (1.0.0)
    package68835 (1.0.0)
    package68836 (1.0.0)
    package68837 (1.0.0)
    package68838 (1.0.0)
    package68839 (1.0.0)
    package68840 (1.0.0)
    package68841 (1.0.0)
    package68842 (1.0.0)
    package68843 (1.0.0)
    package68844 (1.0.0)
    package68845 (1.0.0)
    package68846 (1.0.0)
    package68847 (1.0.0)
    package68848 (1.0.0)
    package68849 (1.0.0)
    package68850 (1.0.0)
    package68851 (1.0.0)
    package68852 (1.0.0)
    package68853 (1.0.0)
    package68854 (1.0.0)
    package68855 (1.0.0)
    package68856 (1.0.0)
    package68857 (1.0.0)
    package68858 (1.0.0)
    package68859 (1.0.0)
    package68860 (1.0.0)
    package68861 (1.0.0)
    package68862 (1.0.0)
    package68863 (1.0.0)
    package68864 (1.0.0)
    package68865 (1.0.0)
    package68866 (1.0.0)
    package68867 (1.0.0)
    package68868 (1.0.0)
    package68869 (1.0.0)
    package68870 (1.0.0)
    package68871 (1.0.0)
    package68872 (1.0.0)
    package68873 (1.0.0)
    package68874 (1.0.0)
    package68875 (1.0.0)
    package68876 (1.0.0)
    package68877 (1.0.0)
    package68878 (1.0.0)
    package68879 (1.0.0)
    package68880 (1.0.0)
    package68881 (1.0.0)
    package68882 (1.0.0)
    package68883 (1.0.0)
    package68884 (1.0.0)
    package68885 (1.0.0)
    package68886 (1.0.0)
    package68887 (1.0.0)
    package68888 (1.0.0)
    package68889 (1.0.0)
    package68890 (1.0.0)
    package68891 (1.0.0)
    package68892 (1.0.0)
    package68893 (1.0.0)
    package68894 (1.0.0)
    package68895 (1.0.0)
    package68896 (1.0.0)
    package68897 (1.0.0)
    package68898 (1.0.0)
    package68899 (1.0.0)
    package68900 (1.0.0)
    package68901 (1.0.0)
    package68902 (1.0.0)
    package68903 (1.0.0)
    package68904 (1.0.0)
    package68905 (1.0.0)
    package68906 (1.0.0)
    package68907 (1.0.0)
    package68908 (1.0.0)
    package68909 (1.0.0)
    package68910 (1.0.0)
    package68911 (1.0.0)
    package68912 (1.0.0)
    package68913 (1.0.0)
    package68914 (1.0.0)
    package68915 (1.0.0)
    package68916 (1.0.0)
    package68917 (1.0.0)
    package68918 (1.0.0)
    package68919 (1.0.0)
    package68920 (1.0.0)
    package68921 (1.0.0)
    package68922 (1.0.0)
    package68923 (1.0.0)
    package68924 (1.0.0)
    package68925 (1.0.0)
    package68926 (1.0.0)
    package68927 (1.0.0)
    package68928 (1.0.0)
    package68929 (1.0.0)
    package68930 (1.0.0)
    package68931 (1.0.0)
    package68932 (1.0.0)
    package68933 (1.0.0)
    package68934 (1.0.0)
    package68935 (1.0.0)
    package68936 (1.0.0)
    package68937 (1.0.0)
    package68938 (1.0.0)
    package68939 (1.0.0)
    package68940 (1.0.0)
    package68941 (1.0.0)
    package68942 (1.0.0)
    package68943 (1.0.0)
    package68944 (1.0.0)
    package68945 (1.0.0)
    package68946 (1.0.0)
    package68947 (1.0.0)
    package68948 (1.0.0)
    package68949 (1.0.0)
    package68950 (1.0.0)
    package68951 (1.0.0)
    package68952 (1.0.0)
    package68953 (1.0.0)
    package68954 (1.0.0)
    package68955 (1.0.0)
    package68956 (1.0.0)
    package68957 (1.0.0)
    package68958 (1.0.0)
    package68959 (1.0.0)
    package68960 (1.0.0)
    package68961 (1.0.0)
    package68962 (1.0.0)
    package68963 (1.0.0)
    package68964 (1.0.0)
    package68965 (1.0.0)
    package68966 (1.0.0)
    package68967 (1.0.0)
    package68968 (1.0.0)
    package68969 (1.0.0)
    package68970 (1.0.0)
    package68971 (1.0.0)
    package68972 (1.0.0)
    package68973 (1.0.0)
    package68974 (1.0.0)
    package68975 (1.0.0)
    package68976 (1.0.0)
    package68977 (1.0.0)
    package68978 (1.0.0)
    package68979 (1.0.0)
    package68980 (1.0.0)
    package68981 (1.0.0)
    package68982 (1.0.0)
    package68983 (1.0.0)
    package68984 (1.0.0)
    package68985 (1.0.0)
    package68986 (1.0.0)
    package68987 (1.0.0)
    package68988 (1.0.0)
    package68989 (1.0.0)
    package68990 (1.0.0)
    package68991 (1.0.0)
    package68992 (1.0.0)
    package68993 (1.0.0)
    package68994 (1.0.0)
    package68995 (1.0.0)
    package68996 (1.0.0)
    package68997 (1.0.0)
    package68998 (1.0.0)
    package68999 (1.0.0)
    package69000 (1.0.0)
    package69001 (1.0.0)
    package69002 (1.0.0)
    package69003 (1.0.0)
    package69004 (1.0.0)
    package69005 (1.0.0)
    package69006 (1.0.0)
    package69007 (1.0.0)
    package69008 (1.0.0)
    package69009 (1.0.0)
    package69010 (1.0.0)
    package69011 (1.0.0)
    package69012 (1.0.0)
    package69013 (1.0.0)
    package69014 (1.0.0)
    package69015 (1.0.0)
    package69016 (1.0.0)
    package69017 (1.0.0)
    package69018 (1.0.0)
    package69019 (1.0.0)
    package69020 (1.0.0)
    package69021 (1.0.0)
    package69022 (1.0.0)
    package69023 (1.0.0)
    package69024 (1.0.0)
    package69025 (1.0.0)
    package69026 (1.0.0)
    package69027 (1.0.0)
    package69028 (1.0.0)
    package69029 (1.0.0)
    package69030 (1.0.0)
    package69031 (1.0.0)
    package69032 (1.0.0)
    package69033 (1.0.0)
    package69034 (1.0.0)
    package69035 (1.0.0)
    package69036 (1.0.0)
    package69037 (1.0.0)
    package69038 (1.0.0)
    package69039 (1.0.0)
    package69040 (1.0.0)
    package69041 (1.0.0)
    package69042 (1.0.0)
    package69043 (1.0.0)
    package69044 (1.0.0)
    package69045 (1.0.0)
    package69046 (1.0.0)
    package69047 (1.0.0)
    package69048 (1.0.0)
    package69049 (1.0.0)
    package69050 (1.0.0)
    package69051 (1.0.0)
    package69052 (1.0.0)
    package69053 (1.0.0)
    package69054 (1.0.0)
    package69055 (1.0.0)
    package69056 (1.0.0)
    package69057 (1.0.0)
    package69058 (1.0.0)
    package69059 (1.0.0)
    package69060 (1.0.0)
    package69061 (1.0.0)
    package69062 (1.0.0)
    package69063 (1.0.0)
    package69064 (1.0.0)
    package69065 (1.0.0)
    package69066 (1.0.0)
    package69067 (1.0.0)
    package69068 (1.0.0)
    package69069 (1.0.0)
    package69070 (1.0.0)
    package69071 (1.0.0)
    package69072 (1.0.0)
    package69073 (1.0.0)
    package69074 (1.0.0)
    package69075 (1.0.0)
    package69076 (1.0.0)
    package69077 (1.0.0)
    package69078 (1.0.0)
    package69079 (1.0.0)
    package69080 (1.0.0)
    package69081 (1.0.0)
    package69082 (1.0.0)
    package69083 (1.0.0)
    package69084 (1.0.0)
    package69085 (1.0.0)
    package69086 (1.0.0)
    package69087 (1.0.0)
    package69088 (1.0.0)
    package69089 (1.0.0)
    package69090 (1.0.0)
    package69091 (1.0.0)
    package69092 (1.0.0)
    package69093 (1.0.0)
    package69094 (1.0.0)
    package69095 (1.0.0)
    package69096 (1.0.0)
    package69097 (1.0.0)
    package69098 (1.0.0)
    package69099 (1.0.0)
    package69100 (1.0.0)
    package69101 (1.0.0)
    package69102 (1.0.0)
    package69103 (1.0.0)
    package69104 (1.0.0)
    package69105 (1.0.0)
    package69106 (1.0.0)
    package69107 (1.0.0)
    package69108 (1.0.0)
    package69109 (1.0.0)
    package69110 (1.0.0)
    package69111 (1.0.0)
    package69112 (1.0.0)
    package69113 (1.0.0)
    package69114 (1.0.0)
    package69115 (1.0.0)
    package69116 (1.0.0)
    package69117 (1.0.0)
    package69118 (1.0.0)
    package69119 (1.0.0)
    package69120 (1.0.0)
    package69121 (1.0.0)
    package69122 (1.0.0)
    package69123 (1.0.0)
    package69124 (1.0.0)
    package69125 (1.0.0)
    package69126 (1.0.0)
    package69127 (1.0.0)
    package69128 (1.0.0)
    package69129 (1.0.0)
    package69130 (1.0.0)
    package69131 (1.0.0)
    package69132 (1.0.0)
    package69133 (1.0.0)
    package69134 (1.0.0)
    package69135 (1.0.0)
    package69136 (1.0.0)
    package69137 (1.0.0)
    package69138 (1.0.0)
    package69139 (1.0.0)
    package69140 (1.0.0)
    package69141 (1.0.0)
    package69142 (1.0.0)
    package69143 (1.0.0)
    package69144 (1.0.0)
    package69145 (1.0.0)
    package69146 (1.0.0)
    package69147 (1.0.0)
    package69148 (1.0.0)
    package69149 (1.0.0)
    package69150 (1.0.0)
    package69151 (1.0.0)
    package69152 (1.0.0)
    package69153 (1.0.0)
    package69154 (1.0.0)
    package69155 (1.0.0)
    package69156 (1.0.0)
    package69157 (1.0.0)
    package69158 (1.0.0)
    package69159 (1.0.0)
    package69160 (1.0.0)
    package69161 (1.0.0)
    package69162 (1.0.0)
    package69163 (1.0.0)
    package69164 (1.0.0)
    package69165 (1.0.0)
    package69166 (1.0.0)
    package69167 (1.0.0)
    package69168 (1.0.0)
    package69169 (1.0.0)
    package69170 (1.0.0)
    package69171 (1.0.0)
    package69172 (1.0.0)
    package69173 (1.0.0)
    package69174 (1.0.0)
    package69175 (1.0.0)
    package69176 (1.0.0)
    package69177 (1.0.0)
    package69178 (1.0.0)
    package69179 (1.0.0)
    package69180 (1.0.0)
    package69181 (1.0.0)
    package69182 (1.0.0)
    package69183 (1.0.0)
    package69184 (1.0.0)
    package69185 (1.0.0)
    package69186 (1.0.0)
    package69187 (1.0.0)
    package69188 (1.0.0)
    package69189 (1.0.0)
    package69190 (1.0.0)
    package69191 (1.0.0)
    package69192 (1.0.0)
    package69193 (1.0.0)
    package69194 (1.0.0)
    package69195 (1.0.0)
    package69196 (1.0.0)
    package69197 (1.0.0)
    package69198 (1.0.0)
    package69199 (1.0.0)
    package69200 (1.0.0)
    package69201 (1.0.0)
    package69202 (1.0.0)
    package69203 (1.0.0)
    package69204 (1.0.0)
    package69205 (1.0.0)
    package69206 (1.0.0)
    package69207 (1.0.0)
    package69208 (1.0.0)
    package69209 (1.0.0)
    package69210 (1.0.0)
    package69211 (1.0.0)
    package69212 (1.0.0)
    package69213 (1.0.0)
    package69214 (1.0.0)
    package69215 (1.0.0)
    package69216 (1.0.0)
    package69217 (1.0.0)
    package69218 (1.0.0)
    package69219 (1.0.0)
    package69220 (1.0.0)
    package69221 (1.0.0)
    package69222 (1.0.0)
    package69223 (1.0.0)
    package69224 (1.0.0)
    package69225 (1.0.0)
    package69226 (1.0.0)
    package69227 (1.0.0)
    package69228 (1.0.0)
    package69229 (1.0.0)
    package69230 (1.0.0)
    package69231 (1.0.0)
    package69232 (1.0.0)
    package69233 (1.0.0)
    package69234 (1.0.0)
    package69235 (1.0.0)
    package69236 (1.0.0)
    package69237 (1.0.0)
    package69238 (1.0.0)
    package69239 (1.0.0)
    package69240 (1.0.0)
    package69241 (1.0.0)
    package69242 (1.0.0)
    package69243 (1.0.0)
    package69244 (1.0.0)
    package69245 (1.0.0)
    package69246 (1.0.0)
    package69247 (1.0.0)
    package69248 (1.0.0)
    package69249 (1.0.0)
    package69250 (1.0.0)
    package69251 (1.0.0)
    package69252 (1.0.0)
    package69253 (1.0.0)
    package69254 (1.0.0)
    package69255 (1.0.0)
    package69256 (1.0.0)
    package69257 (1.0.0)
    package69258 (1.0.0)
    package69259 (1.0.0)
    package69260 (1.0.0)
    package69261 (1.0.0)
    package69262 (1.0.0)
    package69263 (1.0.0)
    package69264 (1.0.0)
    package69265 (1.0.0)
    package69266 (1.0.0)
    package69267 (1.0.0)
    package69268 (1.0.0)
    package69269 (1.0.0)
    package69270 (1.0.0)
    package69271 (1.0.0)
    package69272 (1.0.0)
    package69273 (1.0.0)
    package69274 (1.0.0)
    package69275 (1.0.0)
    package69276 (1.0.0)
    package69277 (1.0.0)
    package69278 (1.0.0)
    package69279 (1.0.0)
    package69280 (1.0.0)
    package69281 (1.0.0)
    package69282 (1.0.0)
    package69283 (1.0.0)
    package69284 (1.0.0)
    package69285 (1.0.0)
    package69286 (1.0.0)
    package69287 (1.0.0)
    package69288 (1.0.0)
    package69289 (1.0.0)
    package69290 (1.0.0)
    package69291 (1.0.0)
    package69292 (1.0.0)
    package69293 (1.0.0)
    package69294 (1.0.0)
    package69295 (1.0.0)
    package69296 (1.0.0)
    package69297 (1.0.0)
    package69298 (1.0.0)
    package69299 (1.0.0)
    package69300 (1.0.0)
    package69301 (1.0.0)
    package69302 (1.0.0)
    package69303 (1.0.0)
    package69304 (1.0.0)
    package69305 (1.0.0)
    package69306 (1.0.0)
    package69307 (1.0.0)
    package69308 (1.0.0)
    package69309 (1.0.0)
    package69310 (1.0.0)
    package69311 (1.0.0)
    package69312 (1.0.0)
    package69313 (1.0.0)
    package69314 (1.0.0)
    package69315 (1.0.0)
    package69316 (1.0.0)
    package69317 (1.0.0)
    package69318 (1.0.0)
    package69319 (1.0.0)
    package69320 (1.0.0)
    package69321 (1.0.0)
    package69322 (1.0.0)
    package69323 (1.0.0)
    package69324 (1.0.0)
    package69325 (1.0.0)
    package69326 (1.0.0)
    package69327 (1.0.0)
    package69328 (1.0.0)
    package69329 (1.0.0)
    package69330 (1.0.0)
    package69331 (1.0.0)
    package69332 (1.0.0)
    package69333 (1.0.0)
    package69334 (1.0.0)
    package69335 (1.0.0)
    package69336 (1.0.0)
    package69337 (1.0.0)
    package69338 (1.0.0)
    package69339 (1.0.0)
    package69340 (1.0.0)
    package69341 (1.0.0)
    package69342 (1.0.0)
    package69343 (1.0.0)
    package69344 (1.0.0)
    package69345 (1.0.0)
    package69346 (1.0.0)
    package69347 (1.0.0)
    package69348 (1.0.0)
    package69349 (1.0.0)
    package69350 (1.0.0)
    package69351 (1.0.0)
    package69352 (1.0.0)
    package69353 (1.0.0)
    package69354 (1.0.0)
    package69355 (1.0.0)
    package69356 (1.0.0)
    package69357 (1.0.0)
    package69358 (1.0.0)
    package69359 (1.0.0)
    package69360 (1.0.0)
    package69361 (1.0.0)
    package69362 (1.0.0)
    package69363 (1.0.0)
    package69364 (1.0.0)
    package69365 (1.0.0)
    package69366 (1.0.0)
    package69367 (1.0.0)
    package69368 (1.0.0)
    package69369 (1.0.0)
    package69370 (1.0.0)
    package69371 (1.0.0)
    package69372 (1.0.0)
    package69373 (1.0.0)
    package69374 (1.0.0)
    package69375 (1.0.0)
    package69376 (1.0.0)
    package69377 (1.0.0)
    package69378 (1.0.0)
    package69379 (1.0.0)
    package69380 (1.0.0)
    package69381 (1.0.0)
    package69382 (1.0.0)
    package69383 (1.0.0)
    package69384 (1.0.0)
    package69385 (1.0.0)
    package69386 (1.0.0)
    package69387 (1.0.0)
    package69388 (1.0.0)
    package69389 (1.0.0)
    package69390 (1.0.0)
    package69391 (1.0.0)
    package69392 (1.0.0)
    package69393 (1.0.0)
    package69394 (1.0.0)
    package69395 (1.0.0)
    package69396 (1.0.0)
    package69397 (1.0.0)
    package69398 (1.0.0)
    package69399 (1.0.0)
    package69400 (1.0.0)
    package69401 (1.0.0)
    package69402 (1.0.0)
    package69403 (1.0.0)
    package69404 (1.0.0)
    package69405 (1.0.0)
    package69406 (1.0.0)
    package69407 (1.0.0)
    package69408 (1.0.0)
    package69409 (1.0.0)
    package69410 (1.0.0)
    package69411 (1.0.0)
    package69412 (1.0.0)
    package69413 (1.0.0)
    package69414 (1.0.0)
    package69415 (1.0.0)
    package69416 (1.0.0)
    package69417 (1.0.0)
    package69418 (1.0.0)
    package69419 (1.0.0)
    package69420 (1.0.0)
    package69421 (1.0.0)
    package69422 (1.0.0)
    package69423 (1.0.0)
    package69424 (1.0.0)
    package69425 (1.0.0)
    package69426 (1.0.0)
    package69427 (1.0.0)
    package69428 (1.0.0)
    package69429 (1.0.0)
    package69430 (1.0.0)
    package69431 (1.0.0)
    package69432 (1.0.0)
    package69433 (1.0.0)
    package69434 (1.0.0)
    package69435 (1.0.0)
    package69436 (1.0.0)
    package69437 (1.0.0)
    package69438 (1.0.0)
    package69439 (1.0.0)
    package69440 (1.0.0)
    package69441 (1.0.0)
    package69442 (1.0.0)
    package69443 (1.0.0)
    package69444 (1.0.0)
    package69445 (1.0.0)
    package69446 (1.0.0)
    package69447 (1.0.0)
    package69448 (1.0.0)
    package69449 (1.0.0)
    package69450 (1.0.0)
    package69451 (1.0.0)
    package69452 (1.0.0)
    package69453 (1.0.0)
    package69454 (1.0.0)
    package69455 (1.0.0)
    package69456 (1.0.0)
    package69457 (1.0.0)
    package69458 (1.0.0)
    package69459 (1.0.0)
    package69460 (1.0.0)
    package69461 (1.0.0)
    package69462 (1.0.0)
    package69463 (1.0.0)
    package69464 (1.0.0)
    package69465 (1.0.0)
    package69466 (1.0.0)
    package69467 (1.0.0)
    package69468 (1.0.0)
    package69469 (1.0.0)
    package69470 (1.0.0)
    package69471 (1.0.0)
    package69472 (1.0.0)
    package69473 (1.0.0)
    package69474 (1.0.0)
    package69475 (1.0.0)
    package69476 (1.0.0)
    package69477 (1.0.0)
    package69478 (1.0.0)
    package69479 (1.0.0)
    package69480 (1.0.0)
    package69481 (1.0.0)
    package69482 (1.0.0)
    package69483 (1.0.0)
    package69484 (1.0.0)
    package69485 (1.0.0)
    package69486 (1.0.0)
    package69487 (1.0.0)
    package69488 (1.0.0)
    package69489 (1.0.0)
    package69490 (1.0.0)
    package69491 (1.0.0)
    package69492 (1.0.0)
    package69493 (1.0.0)
    package69494 (1.0.0)
    package69495 (1.0.0)
    package69496 (1.0.0)
    package69497 (1.0.0)
    package69498 (1.0.0)
    package69499 (1.0.0)
    package69500 (1.0.0)
    package69501 (1.0.0)
    package69502 (1.0.0)
    package69503 (1.0.0)
    package69504 (1.0.0)
    package69505 (1.0.0)
    package69506 (1.0.0)
    package69507 (1.0.0)
    package69508 (1.0.0)
    package69509 (1.0.0)
    package69510 (1.0.0)
    package69511 (1.0.0)
    package69512 (1.0.0)
    package69513 (1.0.0)
    package69514 (1.0.0)
    package69515 (1.0.0)
    package69516 (1.0.0)
    package69517 (1.0.0)
    package69518 (1.0.0)
    package69519 (1.0.0)
    package69520 (1.0.0)
    package69521 (1.0.0)
    package69522 (1.0.0)
    package69523 (1.0.0)
    package69524 (1.0.0)
    package69525 (1.0.0)
    package69526 (1.0.0)
    package69527 (1.0.0)
    package69528 (1.0.0)
    package69529 (1.0.0)
    package69530 (1.0.0)
    package69531 (1.0.0)
    package69532 (1.0.0)
    package69533 (1.0.0)
    package69534 (1.0.0)
    package69535 (1.0.0)
    package69536 (1.0.0)
    package69537 (1.0.0)
    package69538 (1.0.0)
    package69539 (1.0.0)
    package69540 (1.0.0)
    package69541 (1.0.0)
    package69542 (1.0.0)
    package69543 (1.0.0)
    package69544 (1.0.0)
    package69545 (1.0.0)
    package69546 (1.0.0)
    package69547 (1.0.0)
    package69548 (1.0.0)
    package69549 (1.0.0)
    package69550 (1.0.0)
    package69551 (1.0.0)
    package69552 (1.0.0)
    package69553 (1.0.0)
    package69554 (1.0.0)
    package69555 (1.0.0)
    package69556 (1.0.0)
    package69557 (1.0.0)
    package69558 (1.0.0)
    package69559 (1.0.0)
    package69560 (1.0.0)
    package69561 (1.0.0)
    package69562 (1.0.0)
    package69563 (1.0.0)
    package69564 (1.0.0)
    package69565 (1.0.0)
    package69566 (1.0.0)
    package69567 (1.0.0)
    package69568 (1.0.0)
    package69569 (1.0.0)
    package69570 (1.0.0)
    package69571 (1.0.0)
    package69572 (1.0.0)
    package69573 (1.0.0)
    package69574 (1.0.0)
    package69575 (1.0.0)
    package69576 (1.0.0)
    package69577 (1.0.0)
    package69578 (1.0.0)
    package69579 (1.0.0)
    package69580 (1.0.0)
    package69581 (1.0.0)
    package69582 (1.0.0)
    package69583 (1.0.0)
    package69584 (1.0.0)
    package69585 (1.0.0)
    package69586 (1.0.0)
    package69587 (1.0.0)
    package69588 (1.0.0)
    package69589 (1.0.0)
    package69590 (1.0.0)
    package69591 (1.0.0)
    package69592 (1.0.0)
    package69593 (1.0.0)
    package69594 (1.0.0)
    package69595 (1.0.0)
    package69596 (1.0.0)
    package69597 (1.0.0)
    package69598 (1.0.0)
    package69599 (1.0.0)
    package69600 (1.0.0)
    package69601 (1.0.0)
    package69602 (1.0.0)
    package69603 (1.0.0)
    package69604 (1.0.0)
    package69605 (1.0.0)
    package69606 (1.0.0)
    package69607 (1.0.0)
    package69608 (1.0.0)
    package69609 (1.0.0)
    package69610 (1.0.0)
    package69611 (1.0.0)
    package69612 (1.0.0)
    package69613 (1.0.0)
    package69614 (1.0.0)
    package69615 (1.0.0)
    package69616 (1.0.0)
    package69617 (1.0.0)
    package69618 (1.0.0)
    package69619 (1.0.0)
    package69620 (1.0.0)
    package69621 (1.0.0)
    package69622 (1.0.0)
    package69623 (1.0.0)
    package69624 (1.0.0)
    package69625 (1.0.0)
    package69626 (1.0.0)
    package69627 (1.0.0)
    package69628 (1.0.0)
    package69629 (1.0.0)
    package69630 (1.0.0)
    package69631 (1.0.0)
    package69632 (1.0.0)
    package69633 (1.0.0)
    package69634 (1.0.0)
    package69635 (1.0.0)
    package69636 (1.0.0)
    package69637 (1.0.0)
    package69638 (1.0.0)
    package69639 (1.0.0)
    package69640 (1.0.0)
    package69641 (1.0.0)
    package69642 (1.0.0)
    package69643 (1.0.0)
    package69644 (1.0.0)
    package69645 (1.0.0)
    package69646 (1.0.0)
    package69647 (1.0.0)
    package69648 (1.0.0)
    package69649 (1.0.0)
    package69650 (1.0.0)
    package69651 (1.0.0)
    package69652 (1.0.0)
    package69653 (1.0.0)
    package69654 (1.0.0)
    package69655 (1.0.0)
    package69656 (1.0.0)
    package69657 (1.0.0)
    package69658 (1.0.0)
    package69659 (1.0.0)
    package69660 (1.0.0)
    package69661 (1.0.0)
    package69662 (1.0.0)
    package69663 (1.0.0)
    package69664 (1.0.0)
    package69665 (1.0.0)
    package69666 (1.0.0)
    package69667 (1.0.0)
    package69668 (1.0.0)
    package69669 (1.0.0)
    package69670 (1.0.0)
    package69671 (1.0.0)
    package69672 (1.0.0)
    package69673 (1.0.0)
    package69674 (1.0.0)
    package69675 (1.0.0)
    package69676 (1.0.0)
    package69677 (1.0.0)
    package69678 (1.0.0)
    package69679 (1.0.0)
    package69680 (1.0.0)
    package69681 (1.0.0)
    package69682 (1.0.0)
    package69683 (1.0.0)
    package69684 (1.0.0)
    package69685 (1.0.0)
    package69686 (1.0.0)
    package69687 (1.0.0)
    package69688 (1.0.0)
    package69689 (1.0.0)
    package69690 (1.0.0)
    package69691 (1.0.0)
    package69692 (1.0.0)
    package69693 (1.0.0)
    package69694 (1.0.0)
    package69695 (1.0.0)
    package69696 (1.0.0)
    package69697 (1.0.0)
    package69698 (1.0.0)
    package69699 (1.0.0)
    package69700 (1.0.0)
    package69701 (1.0.0)
    package69702 (1.0.0)
    package69703 (1.0.0)
    package69704 (1.0.0)
    package69705 (1.0.0)
    package69706 (1.0.0)
    package69707 (1.0.0)
    package69708 (1.0.0)
    package69709 (1.0.0)
    package69710 (1.0.0)
    package69711 (1.0.0)
    package69712 (1.0.0)
    package69713 (1.0.0)
    package69714 (1.0.0)
    package69715 (1.0.0)
    package69716 (1.0.0)
    package69717 (1.0.0)
    package69718 (1.0.0)
    package69719 (1.0.0)
    package69720 (1.0.0)
    package69721 (1.0.0)
    package69722 (1.0.0)
    package69723 (1.0.0)
    package69724 (1.0.0)
    package69725 (1.0.0)
    package69726 (1.0.0)
    package69727 (1.0.0)
    package69728 (1.0.0)
    package69729 (1.0.0)
    package69730 (1.0.0)
    package69731 (1.0.0)
    package69732 (1.0.0)
    package69733 (1.0.0)
    package69734 (1.0.0)
    package69735 (1.0.0)
    package69736 (1.0.0)
    package69737 (1.0.0)
    package69738 (1.0.0)
    package69739 (1.0.0)
    package69740 (1.0.0)
    package69741 (1.0.0)
    package69742 (1.0.0)
    package69743 (1.0.0)
    package69744 (1.0.0)
    package69745 (1.0.0)
    package69746 (1.0.0)
    package69747 (1.0.0)
    package69748 (1.0.0)
    package69749 (1.0.0)
    package69750 (1.0.0)
    package69751 (1.0.0)
    package69752 (1.0.0)
    package69753 (1.0.0)
    package69754 (1.0.0)
    package69755 (1.0.0)
    package69756 (1.0.0)
    package69757 (1.0.0)
    package69758 (1.0.0)
    package69759 (1.0.0)
    package69760 (1.0.0)
    package69761 (1.0.0)
    package69762 (1.0.0)
    package69763 (1.0.0)
    package69764 (1.0.0)
    package69765 (1.0.0)
    package69766 (1.0.0)
    package69767 (1.0.0)
    package69768 (1.0.0)
    package69769 (1.0.0)
    package69770 (1.0.0)
    package69771 (1.0.0)
    package69772 (1.0.0)
    package69773 (1.0.0)
    package69774 (1.0.0)
    package69775 (1.0.0)
    package69776 (1.0.0)
    package69777 (1.0.0)
    package69778 (1.0.0)
    package69779 (1.0.0)
    package69780 (1.0.0)
    package69781 (1.0.0)
    package69782 (1.0.0)
    package69783 (1.0.0)
    package69784 (1.0.0)
    package69785 (1.0.0)
    package69786 (1.0.0)
    package69787 (1.0.0)
    package69788 (1.0.0)
    package69789 (1.0.0)
    package69790 (1.0.0)
    package69791 (1.0.0)
    package69792 (1.0.0)
    package69793 (1.0.0)
    package69794 (1.0.0)
    package69795 (1.0.0)
    package69796 (1.0.0)
    package69797 (1.0.0)
    package69798 (1.0.0)
    package69799 (1.0.0)
    package69800 (1.0.0)
    package69801 (1.0.0)
    package69802 (1.0.0)
    package69803 (1.0.0)
    package69804 (1.0.0)
    package69805 (1.0.0)
    package69806 (1.0.0)
    package69807 (1.0.0)
    package69808 (1.0.0)
    package69809 (1.0.0)
    package69810 (1.0.0)
    package69811 (1.0.0)
    package69812 (1.0.0)
    package69813 (1.0.0)
    package69814 (1.0.0)
    package69815 (1.0.0)
    package69816 (1.0.0)
    package69817 (1.0.0)
    package69818 (1.0.0)
    package69819 (1.0.0)
    package69820 (1.0.0)
    package69821 (1.0.0)
    package69822 (1.0.0)
    package69823 (1.0.0)
    package69824 (1.0.0)
    package69825 (1.0.0)
    package69826 (1.0.0)
    package69827 (1.0.0)
    package69828 (1.0.0)
    package69829 (1.0.0)
    package69830 (1.0.0)
    package69831 (1.0.0)
    package69832 (1.0.0)
    package69833 (1.0.0)
    package69834 (1.0.0)
    package69835 (1.0.0)
    package69836 (1.0.0)
    package69837 (1.0.0)
    package69838 (1.0.0)
    package69839 (1.0.0)
    package69840 (1.0.0)
    package69841 (1.0.0)
    package69842 (1.0.0)
    package69843 (1.0.0)
    package69844 (1.0.0)
    package69845 (1.0.0)
    package69846 (1.0.0)
    package69847 (1.0.0)
    package69848 (1.0.0)
    package69849 (1.0.0)
    package69850 (1.0.0)
    package69851 (1.0.0)
    package69852 (1.0.0)
    package69853 (1.0.0)
    package69854 (1.0.0)
    package69855 (1.0.0)
    package69856 (1.0.0)
    package69857 (1.0.0)
    package69858 (1.0.0)
    package69859 (1.0.0)
    package69860 (1.0.0)
    package69861 (1.0.0)
    package69862 (1.0.0)
    package69863 (1.0.0)
    package69864 (1.0.0)
    package69865 (1.0.0)
    package69866 (1.0.0)
    package69867 (1.0.0)
    package69868 (1.0.0)
    package69869 (1.0.0)
    package69870 (1.0.0)
    package69871 (1.0.0)
    package69872 (1.0.0)
    package69873 (1.0.0)
    package69874 (1.0.0)
    package69875 (1.0.0)
    package69876 (1.0.0)
    package69877 (1.0.0)
    package69878 (1.0.0)
    package69879 (1.0.0)
    package69880 (1.0.0)
    package69881 (1.0.0)
    package69882 (1.0.0)
    package69883 (1.0.0)
    package69884 (1.0.0)
    package69885 (1.0.0)
    package69886 (1.0.0)
    package69887 (1.0.0)
    package69888 (1.0.0)
    package69889 (1.0.0)
    package69890 (1.0.0)
    package69891 (1.0.0)
    package69892 (1.0.0)
    package69893 (1.0.0)
    package69894 (1.0.0)
    package69895 (1.0.0)
    package69896 (1.0.0)
    package69897 (1.0.0)
    package69898 (1.0.0)
    package69899 (1.0.0)
    package69900 (1.0.0)
    package69901 (1.0.0)
    package69902 (1.0.0)
    package69903 (1.0.0)
    package69904 (1.0.0)
    package69905 (1.0.0)
    package69906 (1.0.0)
    package69907 (1.0.0)
    package69908 (1.0.0)
    package69909 (1.0.0)
    package69910 (1.0.0)
    package69911 (1.0.0)
    package69912 (1.0.0)
    package69913 (1.0.0)
    package69914 (1.0.0)
    package69915 (1.0.0)
    package69916 (1.0.0)
    package69917 (1.0.0)
    package69918 (1.0.0)
    package69919 (1.0.0)
    package69920 (1.0.0)
    package69921 (1.0.0)
    package69922 (1.0.0)
    package69923 (1.0.0)
    package69924 (1.0.0)
    package69925 (1.0.0)
    package69926 (1.0.0)
    package69927 (1.0.0)
    package69928 (1.0.0)
    package69929 (1.0.0)
    package69930 (1.0.0)
    package69931 (1.0.0)
    package69932 (1.0.0)
    package69933 (1.0.0)
    package69934 (1.0.0)
    package69935 (1.0.0)
    package69936 (1.0.0)
    package69937 (1.0.0)
    package69938 (1.0.0)
    package69939 (1.0.0)
    package69940 (1.0.0)
    package69941 (1.0.0)
    package69942 (1.0.0)
    package69943 (1.0.0)
    package69944 (1.0.0)
    package69945 (1.0.0)
    package69946 (1.0.0)
    package69947 (1.0.0)
    package69948 (1.0.0)
    package69949 (1.0.0)
    package69950 (1.0.0)
    package69951 (1.0.0)
    package69952 (1.0.0)
    package69953 (1.0.0)
    package69954 (1.0.0)
    package69955 (1.0.0)
    package69956 (1.0.0)
    package69957 (1.0.0)
    package69958 (1.0.0)
    package69959 (1.0.0)
    package69960 (1.0.0)
    package69961 (1.0.0)
    package69962 (1.0.0)
    package69963 (1.0.0)
    package69964 (1.0.0)
    package69965 (1.0.0)
    package69966 (1.0.0)
    package69967 (1.0.0)
    package69968 (1.0.0)
    package69969 (1.0.0)
    package69970 (1.0.0)
    package69971 (1.0.0)
    package69972 (1.0.0)
    package69973 (1.0.0)
    package69974 (1.0.0)
    package69975 (1.0.0)
    package69976 (1.0.0)
    package69977 (1.0.0)
    package69978 (1.0.0)
    package69979 (1.0.0)
    package69980 (1.0.0)
    package69981 (1.0.0)
    package69982 (1.0.0)
    package69983 (1.0.0)
    package69984 (1.0.0)
    package69985 (1.0.0)
    package69986 (1.0.0)
    package69987 (1.0.0)
    package69988 (1.0.0)
    package69989 (1.0.0)
    package69990 (1.0.0)
    package69991 (1.0.0)
    package69992 (1.0.0)
    package69993 (1.0.0)
    package69994 (1.0.0)
    package69995 (1.0.0)
    package69996 (1.0.0)
    package69997 (1.0.0)
    package69998 (1.0.0)
    package69999 (1.0.0)
    package70000 (1.0.0)
    package70001 (1.0.0)
    package70002 (1.0.0)
    package70003 (1.0.0)
    package70004 (1.0.0)
    package70005 (1.0.0)
    package70006 (1.0.0)
    package70007 (1.0.0)
    package70008 (1.0.0)
    package70009 (1.0.0)
    package70010 (1.0.0)
    package70011 (1.0.0)
    package70012 (1.0.0)
    package70013 (1.0.0)
    package70014 (1.0.0)
    package70015 (1.0.0)
    package70016 (1.0.0)
    package70017 (1.0.0)
    package70018 (1.0.0)
    package70019 (1.0.0)
    package70020 (1.0.0)
    package70021 (1.0.0)
    package70022 (1.0.0)
    package70023 (1.0.0)
    package70024 (1.0.0)
    package70025 (1.0.0)
    package70026 (1.0.0)
    package70027 (1.0.0)
    package70028 (1.0.0)
    package70029 (1.0.0)
    package70030 (1.0.0)
    package70031 (1.0.0)
    package70032 (1.0.0)
    package70033 (1.0.0)
    package70034 (1.0.0)
    package70035 (1.0.0)
    package70036 (1.0.0)
    package70037 (1.0.0)
    package70038 (1.0.0)
    package70039 (1.0.0)
    package70040 (1.0.0)
    package70041 (1.0.0)
    package70042 (1.0.0)
    package70043 (1.0.0)
    package70044 (1.0.0)
    package70045 (1.0.0)
    package70046 (1.0.0)
    package70047 (1.0.0)
    package70048 (1.0.0)
    package70049 (1.0.0)
    package70050 (1.0.0)
    package70051 (1.0.0)
    package70052 (1.0.0)
    package70053 (1.0.0)
    package70054 (1.0.0)
    package70055 (1.0.0)
    package70056 (1.0.0)
    package70057 (1.0.0)
    package70058 (1.0.0)
    package70059 (1.0.0)
    package70060 (1.0.0)
    package70061 (1.0.0)
    package70062 (1.0.0)
    package70063 (1.0.0)
    package70064 (1.0.0)
    package70065 (1.0.0)
    package70066 (1.0.0)
    package70067 (1.0.0)
    package70068 (1.0.0)
    package70069 (1.0.0)
    package70070 (1.0.0)
    package70071 (1.0.0)
    package70072 (1.0.0)
    package70073 (1.0.0)
    package70074 (1.0.0)
    package70075 (1.0.0)
    package70076 (1.0.0)
    package70077 (1.0.0)
    package70078 (1.0.0)
    package70079 (1.0.0)
    package70080 (1.0.0)
    package70081 (1.0.0)
    package70082 (1.0.0)
    package70083 (1.0.0)
    package70084 (1.0.0)
    package70085 (1.0.0)
    package70086 (1.0.0)
    package70087 (1.0.0)
    package70088 (1.0.0)
    package70089 (1.0.0)
    package70090 (1.0.0)
    package70091 (1.0.0)
    package70092 (1.0.0)
    package70093 (1.0.0)
    package70094 (1.0.0)
    package70095 (1.0.0)
    package70096 (1.0.0)
    package70097 (1.0.0)
    package70098 (1.0.0)
    package70099 (1.0.0)
    package70100 (1.0.0)
    package70101 (1.0.0)
    package70102 (1.0.0)
    package70103 (1.0.0)
    package70104 (1.0.0)
    package70105 (1.0.0)
    package70106 (1.0.0)
    package70107 (1.0.0)
    package70108 (1.0.0)
    package70109 (1.0.0)
    package70110 (1.0.0)
    package70111 (1.0.0)
    package70112 (1.0.0)
    package70113 (1.0.0)
    package70114 (1.0.0)
    package70115 (1.0.0)
    package70116 (1.0.0)
    package70117 (1.0.0)
    package70118 (1.0.0)
    package70119 (1.0.0)
    package70120 (1.0.0)
    package70121 (1.0.0)
    package70122 (1.0.0)
    package70123 (1.0.0)
    package70124 (1.0.0)
    package70125 (1.0.0)
    package70126 (1.0.0)
    package70127 (1.0.0)
    package70128 (1.0.0)
    package70129 (1.0.0)
    package70130 (1.0.0)
    package70131 (1.0.0)
    package70132 (1.0.0)
    package70133 (1.0.0)
    package70134 (1.0.0)
    package70135 (1.0.0)
    package70136 (1.0.0)
    package70137 (1.0.0)
    package70138 (1.0.0)
    package70139 (1.0.0)
    package70140 (1.0.0)
    package70141 (1.0.0)
    package70142 (1.0.0)
    package70143 (1.0.0)
    package70144 (1.0.0)
    package70145 (1.0.0)
    package70146 (1.0.0)
    package70147 (1.0.0)
    package70148 (1.0.0)
    package70149 (1.0.0)
    package70150 (1.0.0)
    package70151 (1.0.0)
    package70152 (1.0.0)
    package70153 (1.0.0)
    package70154 (1.0.0)
    package70155 (1.0.0)
    package70156 (1.0.0)
    package70157 (1.0.0)
    package70158 (1.0.0)
    package70159 (1.0.0)
    package70160 (1.0.0)
    package70161 (1.0.0)
    package70162 (1.0.0)
    package70163 (1.0.0)
    package70164 (1.0.0)
    package70165 (1.0.0)
    package70166 (1.0.0)
    package70167 (1.0.0)
    package70168 (1.0.0)
    package70169 (1.0.0)
    package70170 (1.0.0)
    package70171 (1.0.0)
    package70172 (1.0.0)
    package70173 (1.0.0)
    package70174 (1.0.0)
    package70175 (1.0.0)
    package70176 (1.0.0)
    package70177 (1.0.0)
    package70178 (1.0.0)
    package70179 (1.0.0)
    package70180 (1.0.0)
    package70181 (1.0.0)
    package70182 (1.0.0)
    package70183 (1.0.0)
    package70184 (1.0.0)
    package70185 (1.0.0)
    package70186 (1.0.0)
    package70187 (1.0.0)
    package70188 (1.0.0)
    package70189 (1.0.0)
    package70190 (1.0.0)
    package70191 (1.0.0)
    package70192 (1.0.0)
    package70193 (1.0.0)
    package70194 (1.0.0)
    package70195 (1.0.0)
    package70196 (1.0.0)
    package70197 (1.0.0)
    package70198 (1.0.0)
    package70199 (1.0.0)
    package70200 (1.0.0)
    package70201 (1.0.0)
    package70202 (1.0.0)
    package70203 (1.0.0)
    package70204 (1.0.0)
    package70205 (1.0.0)
    package70206 (1.0.0)
    package70207 (1.0.0)
    package70208 (1.0.0)
    package70209 (1.0.0)
    package70210 (1.0.0)
    package70211 (1.0.0)
    package70212 (1.0.0)
    package70213 (1.0.0)
    package70214 (1.0.0)
    package70215 (1.0.0)
    package70216 (1.0.0)
    package70217 (1.0.0)
    package70218 (1.0.0)
    package70219 (1.0.0)
    package70220 (1.0.0)
    package70221 (1.0.0)
    package70222 (1.0.0)
    package70223 (1.0.0)
    package70224 (1.0.0)
    package70225 (1.0.0)
    package70226 (1.0.0)
    package70227 (1.0.0)
    package70228 (1.0.0)
    package70229 (1.0.0)
    package70230 (1.0.0)
    package70231 (1.0.0)
    package70232 (1.0.0)
    package70233 (1.0.0)
    package70234 (1.0.0)
    package70235 (1.0.0)
    package70236 (1.0.0)
    package70237 (1.0.0)
    package70238 (1.0.0)
    package70239 (1.0.0)
    package70240 (1.0.0)
    package70241 (1.0.0)
    package70242 (1.0.0)
    package70243 (1.0.0)
    package70244 (1.0.0)
    package70245 (1.0.0)
    package70246 (1.0.0)
    package70247 (1.0.0)
    package70248 (1.0.0)
    package70249 (1.0.0)
    package70250 (1.0.0)
    package70251 (1.0.0)
    package70252 (1.0.0)
    package70253 (1.0.0)
    package70254 (1.0.0)
    package70255 (1.0.0)
    package70256 (1.0.0)
    package70257 (1.0.0)
    package70258 (1.0.0)
    package70259 (1.0.0)
    package70260 (1.0.0)
    package70261 (1.0.0)
    package70262 (1.0.0)
    package70263 (1.0.0)
    package70264 (1.0.0)
    package70265 (1.0.0)
    package70266 (1.0.0)
    package70267 (1.0.0)
    package70268 (1.0.0)
    package70269 (1.0.0)
    package70270 (1.0.0)
    package70271 (1.0.0)
    package70272 (1.0.0)
    package70273 (1.0.0)
    package70274 (1.0.0)
    package70275 (1.0.0)
    package70276 (1.0.0)
    package70277 (1.0.0)
    package70278 (1.0.0)
    package70279 (1.0.0)
    package70280 (1.0.0)
    package70281 (1.0.0)
    package70282 (1.0.0)
    package70283 (1.0.0)
    package70284 (1.0.0)
    package70285 (1.0.0)
    package70286 (1.0.0)
    package70287 (1.0.0)
    package70288 (1.0.0)
    package70289 (1.0.0)
    package70290 (1.0.0)
    package70291 (1.0.0)
    package70292 (1.0.0)
    package70293 (1.0.0)
    package70294 (1.0.0)
    package70295 (1.0.0)
    package70296 (1.0.0)
    package70297 (1.0.0)
    package70298 (1.0.0)
    package70299 (1.0.0)
    package70300 (1.0.0)
    package70301 (1.0.0)
    package70302 (1.0.0)
    package70303 (1.0.0)
    package70304 (1.0.0)
    package70305 (1.0.0)
    package70306 (1.0.0)
    package70307 (1.0.0)
    package70308 (1.0.0)
    package70309 (1.0.0)
    package70310 (1.0.0)
    package70311 (1.0.0)
    package70312 (1.0.0)
    package70313 (1.0.0)
    package70314 (1.0.0)
    package70315 (1.0.0)
    package70316 (1.0.0)
    package70317 (1.0.0)
    package70318 (1.0.0)
    package70319 (1.0.0)
    package70320 (1.0.0)
    package70321 (1.0.0)
    package70322 (1.0.0)
    package70323 (1.0.0)
    package70324 (1.0.0)
    package70325 (1.0.0)
    package70326 (1.0.0)
    package70327 (1.0.0)
    package70328 (1.0.0)
    package70329 (1.0.0)
    package70330 (1.0.0)
    package70331 (1.0.0)
    package70332 (1.0.0)
    package70333 (1.0.0)
    package70334 (1.0.0)
    package70335 (1.0.0)
    package70336 (1.0.0)
    package70337 (1.0.0)
    package70338 (1.0.0)
    package70339 (1.0.0)
    package70340 (1.0.0)
    package70341 (1.0.0)
    package70342 (1.0.0)
    package70343 (1.0.0)
    package70344 (1.0.0)
    package70345 (1.0.0)
    package70346 (1.0.0)
    package70347 (1.0.0)
    package70348 (1.0.0)
    package70349 (1.0.0)
    package70350 (1.0.0)
    package70351 (1.0.0)
    package70352 (1.0.0)
    package70353 (1.0.0)
    package70354 (1.0.0)
    package70355 (1.0.0)
    package70356 (1.0.0)
    package70357 (1.0.0)
    package70358 (1.0.0)
    package70359 (1.0.0)
    package70360 (1.0.0)
    package70361 (1.0.0)
    package70362 (1.0.0)
    package70363 (1.0.0)
    package70364 (1.0.0)
    package70365 (1.0.0)
    package70366 (1.0.0)
    package70367 (1.0.0)
    package70368 (1.0.0)
    package70369 (1.0.0)
    package70370 (1.0.0)
    package70371 (1.0.0)
    package70372 (1.0.0)
    package70373 (1.0.0)
    package70374 (1.0.0)
    package70375 (1.0.0)
    package70376 (1.0.0)
    package70377 (1.0.0)
    package70378 (1.0.0)
    package70379 (1.0.0)
    package70380 (1.0.0)
    package70381 (1.0.0)
    package70382 (1.0.0)
    package70383 (1.0.0)
    package70384 (1.0.0)
    package70385 (1.0.0)
    package70386 (1.0.0)
    package70387 (1.0.0)
    package70388 (1.0.0)
    package70389 (1.0.0)
    package70390 (1.0.0)
    package70391 (1.0.0)
    package70392 (1.0.0)
    package70393 (1.0.0)
    package70394 (1.0.0)
    package70395 (1.0.0)
    package70396 (1.0.0)
    package70397 (1.0.0)
    package70398 (1.0.0)
    package70399 (1.0.0)
    package70400 (1.0.0)
    package70401 (1.0.0)
    package70402 (1.0.0)
    package70403 (1.0.0)
    package70404 (1.0.0)
    package70405 (1.0.0)
    package70406 (1.0.0)
    package70407 (1.0.0)
    package70408 (1.0.0)
    package70409 (1.0.0)
    package70410 (1.0.0)
    package70411 (1.0.0)
    package70412 (1.0.0)
    package70413 (1.0.0)
    package70414 (1.0.0)
    package70415 (1.0.0)
    package70416 (1.0.0)
    package70417 (1.0.0)
    package70418 (1.0.0)
    package70419 (1.0.0)
    package70420 (1.0.0)
    package70421 (1.0.0)
    package70422 (1.0.0)
    package70423 (1.0.0)
    package70424 (1.0.0)
    package70425 (1.0.0)
    package70426 (1.0.0)
    package70427 (1.0.0)
    package70428 (1.0.0)
    package70429 (1.0.0)
    package70430 (1.0.0)
    package70431 (1.0.0)
    package70432 (1.0.0)
    package70433 (1.0.0)
    package70434 (1.0.0)
    package70435 (1.0.0)
    package70436 (1.0.0)
    package70437 (1.0.0)
    package70438 (1.0.0)
    package70439 (1.0.0)
    package70440 (1.0.0)
    package70441 (1.0.0)
    package70442 (1.0.0)
    package70443 (1.0.0)
    package70444 (1.0.0)
    package70445 (1.0.0)
    package70446 (1.0.0)
    package70447 (1.0.0)
    package70448 (1.0.0)
    package70449 (1.0.0)
    package70450 (1.0.0)
    package70451 (1.0.0)
    package70452 (1.0.0)
    package70453 (1.0.0)
    package70454 (1.0.0)
    package70455 (1.0.0)
    package70456 (1.0.0)
    package70457 (1.0.0)
    package70458 (1.0.0)
    package70459 (1.0.0)
    package70460 (1.0.0)
    package70461 (1.0.0)
    package70462 (1.0.0)
    package70463 (1.0.0)
    package70464 (1.0.0)
    package70465 (1.0.0)
    package70466 (1.0.0)
    package70467 (1.0.0)
    package70468 (1.0.0)
    package70469 (1.0.0)
    package70470 (1.0.0)
    package70471 (1.0.0)
    package70472 (1.0.0)
    package70473 (1.0.0)
    package70474 (1.0.0)
    package70475 (1.0.0)
    package70476 (1.0.0)
    package70477 (1.0.0)
    package70478 (1.0.0)
    package70479 (1.0.0)
    package70480 (1.0.0)
    package70481 (1.0.0)
    package70482 (1.0.0)
    package70483 (1.0.0)
    package70484 (1.0.0)
    package70485 (1.0.0)
    package70486 (1.0.0)
    package70487 (1.0.0)
    package70488 (1.0.0)
    package70489 (1.0.0)
    package70490 (1.0.0)
    package70491 (1.0.0)
    package70492 (1.0.0)
    package70493 (1.0.0)
    package70494 (1.0.0)
    package70495 (1.0.0)
    package70496 (1.0.0)
    package70497 (1.0.0)
    package70498 (1.0.0)
    package70499 (1.0.0)
    package70500 (1.0.0)
    package70501 (1.0.0)
    package70502 (1.0.0)
    package70503 (1.0.0)
    package70504 (1.0.0)
    package70505 (1.0.0)
    package70506 (1.0.0)
    package70507 (1.0.0)
    package70508 (1.0.0)
    package70509 (1.0.0)
    package70510 (1.0.0)
    package70511 (1.0.0)
    package70512 (1.0.0)
    package70513 (1.0.0)
    package70514 (1.0.0)
    package70515 (1.0.0)
    package70516 (1.0.0)
    package70517 (1.0.0)
    package70518 (1.0.0)
    package70519 (1.0.0)
    package70520 (1.0.0)
    package70521 (1.0.0)
    package70522 (1.0.0)
    package70523 (1.0.0)
    package70524 (1.0.0)
    package70525 (1.0.0)
    package70526 (1.0.0)
    package70527 (1.0.0)
    package70528 (1.0.0)
    package70529 (1.0.0)
    package70530 (1.0.0)
    package70531 (1.0.0)
    package70532 (1.0.0)
    package70533 (1.0.0)
    package70534 (1.0.0)
    package70535 (1.0.0)
    package70536 (1.0.0)
    package70537 (1.0.0)
    package70538 (1.0.0)
    package70539 (1.0.0)
    package70540 (1.0.0)
    package70541 (1.0.0)
    package70542 (1.0.0)
    package70543 (1.0.0)
    package70544 (1.0.0)
    package70545 (1.0.0)
    package70546 (1.0.0)
    package70547 (1.0.0)
    package70548 (1.0.0)
    package70549 (1.0.0)
    package70550 (1.0.0)
    package70551 (1.0.0)
    package70552 (1.0.0)
    package70553 (1.0.0)
    package70554 (1.0.0)
    package70555 (1.0.0)
    package70556 (1.0.0)
    package70557 (1.0.0)
    package70558 (1.0.0)
    package70559 (1.0.0)
    package70560 (1.0.0)
    package70561 (1.0.0)
    package70562 (1.0.0)
    package70563 (1.0.0)
    package70564 (1.0.0)
    package70565 (1.0.0)
    package70566 (1.0.0)
    package70567 (1.0.0)
    package70568 (1.0.0)
    package70569 (1.0.0)
    package70570 (1.0.0)
    package70571 (1.0.0)
    package70572 (1.0.0)
    package70573 (1.0.0)
    package70574 (1.0.0)
    package70575 (1.0.0)
    package70576 (1.0.0)
    package70577 (1.0.0)
    package70578 (1.0.0)
    package70579 (1.0.0)
    package70580 (1.0.0)
    package70581 (1.0.0)
    package70582 (1.0.0)
    package70583 (1.0.0)
    package70584 (1.0.0)
    package70585 (1.0.0)
    package70586 (1.0.0)
    package70587 (1.0.0)
    package70588 (1.0.0)
    package70589 (1.0.0)
    package70590 (1.0.0)
    package70591 (1.0.0)
    package70592 (1.0.0)
    package70593 (1.0.0)
    package70594 (1.0.0)
    package70595 (1.0.0)
    package70596 (1.0.0)
    package70597 (1.0.0)
    package70598 (1.0.0)
    package70599 (1.0.0)
    package70600 (1.0.0)
    package70601 (1.0.0)
    package70602 (1.0.0)
    package70603 (1.0.0)
    package70604 (1.0.0)
    package70605 (1.0.0)
    package70606 (1.0.0)
    package70607 (1.0.0)
    package70608 (1.0.0)
    package70609 (1.0.0)
    package70610 (1.0.0)
    package70611 (1.0.0)
    package70612 (1.0.0)
    package70613 (1.0.0)
    package70614 (1.0.0)
    package70615 (1.0.0)
    package70616 (1.0.0)
    package70617 (1.0.0)
    package70618 (1.0.0)
    package70619 (1.0.0)
    package70620 (1.0.0)
    package70621 (1.0.0)
    package70622 (1.0.0)
    package70623 (1.0.0)
    package70624 (1.0.0)
    package70625 (1.0.0)
    package70626 (1.0.0)
    package70627 (1.0.0)
    package70628 (1.0.0)
    package70629 (1.0.0)
    package70630 (1.0.0)
    package70631 (1.0.0)
    package70632 (1.0.0)
    package70633 (1.0.0)
    package70634 (1.0.0)
    package70635 (1.0.0)
    package70636 (1.0.0)
    package70637 (1.0.0)
    package70638 (1.0.0)
    package70639 (1.0.0)
    package70640 (1.0.0)
    package70641 (1.0.0)
    package70642 (1.0.0)
    package70643 (1.0.0)
    package70644 (1.0.0)
    package70645 (1.0.0)
    package70646 (1.0.0)
    package70647 (1.0.0)
    package70648 (1.0.0)
    package70649 (1.0.0)
    package70650 (1.0.0)
    package70651 (1.0.0)
    package70652 (1.0.0)
    package70653 (1.0.0)
    package70654 (1.0.0)
    package70655 (1.0.0)
    package70656 (1.0.0)
    package70657 (1.0.0)
    package70658 (1.0.0)
    package70659 (1.0.0)
    package70660 (1.0.0)
    package70661 (1.0.0)
    package70662 (1.0.0)
    package70663 (1.0.0)
    package70664 (1.0.0)
    package70665 (1.0.0)
    package70666 (1.0.0)
    package70667 (1.0.0)
    package70668 (1.0.0)
    package70669 (1.0.0)
    package70670 (1.0.0)
    package70671 (1.0.0)
    package70672 (1.0.0)
    package70673 (1.0.0)
    package70674 (1.0.0)
    package70675 (1.0.0)
    package70676 (1.0.0)
    package70677 (1.0.0)
    package70678 (1.0.0)
    package70679 (1.0.0)
    package70680 (1.0.0)
    package70681 (1.0.0)
    package70682 (1.0.0)
    package70683 (1.0.0)
    package70684 (1.0.0)
    package70685 (1.0.0)
    package70686 (1.0.0)
    package70687 (1.0.0)
    package70688 (1.0.0)
    package70689 (1.0.0)
    package70690 (1.0.0)
    package70691 (1.0.0)
    package70692 (1.0.0)
    package70693 (1.0.0)
    package70694 (1.0.0)
    package70695 (1.0.0)
    package70696 (1.0.0)
    package70697 (1.0.0)
    package70698 (1.0.0)
    package70699 (1.0.0)
    package70700 (1.0.0)
    package70701 (1.0.0)
    package70702 (1.0.0)
    package70703 (1.0.0)
    package70704 (1.0.0)
    package70705 (1.0.0)
    package70706 (1.0.0)
    package70707 (1.0.0)
    package70708 (1.0.0)
    package70709 (1.0.0)
    package70710 (1.0.0)
    package70711 (1.0.0)
    package70712 (1.0.0)
    package70713 (1.0.0)
    package70714 (1.0.0)
    package70715 (1.0.0)
    package70716 (1.0.0)
    package70717 (1.0.0)
    package70718 (1.0.0)
    package70719 (1.0.0)
    package70720 (1.0.0)
    package70721 (1.0.0)
    package70722 (1.0.0)
    package70723 (1.0.0)
    package70724 (1.0.0)
    package70725 (1.0.0)
    package70726 (1.0.0)
    package70727 (1.0.0)
    package70728 (1.0.0)
    package70729 (1.0.0)
    package70730 (1.0.0)
    package70731 (1.0.0)
    package70732 (1.0.0)
    package70733 (1.0.0)
    package70734 (1.0.0)
    package70735 (1.0.0)
    package70736 (1.0.0)
    package70737 (1.0.0)
    package70738 (1.0.0)
    package70739 (1.0.0)
    package70740 (1.0.0)
    package70741 (1.0.0)
    package70742 (1.0.0)
    package70743 (1.0.0)
    package70744 (1.0.0)
    package70745 (1.0.0)
    package70746 (1.0.0)
    package70747 (1.0.0)
    package70748 (1.0.0)
    package70749 (1.0.0)
    package70750 (1.0.0)
    package70751 (1.0.0)
    package70752 (1.0.0)
    package70753 (1.0.0)
    package70754 (1.0.0)
    package70755 (1.0.0)
    package70756 (1.0.0)
    package70757 (1.0.0)
    package70758 (1.0.0)
    package70759 (1.0.0)
    package70760 (1.0.0)
    package70761 (1.0.0)
    package70762 (1.0.0)
    package70763 (1.0.0)
    package70764 (1.0.0)
    package70765 (1.0.0)
    package70766 (1.0.0)
    package70767 (1.0.0)
    package70768 (1.0.0)
    package70769 (1.0.0)
    package70770 (1.0.0)
    package70771 (1.0.0)
    package70772 (1.0.0)
    package70773 (1.0.0)
    package70774 (1.0.0)
    package70775 (1.0.0)
    package70776 (1.0.0)
    package70777 (1.0.0)
    package70778 (1.0.0)
    package70779 (1.0.0)
    package70780 (1.0.0)
    package70781 (1.0.0)
    package70782 (1.0.0)
    package70783 (1.0.0)
    package70784 (1.0.0)
    package70785 (1.0.0)
    package70786 (1.0.0)
    package70787 (1.0.0)
    package70788 (1.0.0)
    package70789 (1.0.0)
    package70790 (1.0.0)
    package70791 (1.0.0)
    package70792 (1.0.0)
    package70793 (1.0.0)
    package70794 (1.0.0)
    package70795 (1.0.0)
    package70796 (1.0.0)
    package70797 (1.0.0)
    package70798 (1.0.0)
    package70799 (1.0.0)
    package70800 (1.0.0)
    package70801 (1.0.0)
    package70802 (1.0.0)
    package70803 (1.0.0)
    package70804 (1.0.0)
    package70805 (1.0.0)
    package70806 (1.0.0)
    package70807 (1.0.0)
    package70808 (1.0.0)
    package70809 (1.0.0)
    package70810 (1.0.0)
    package70811 (1.0.0)
    package70812 (1.0.0)
    package70813 (1.0.0)
    package70814 (1.0.0)
    package70815 (1.0.0)
    package70816 (1.0.0)
    package70817 (1.0.0)
    package70818 (1.0.0)
    package70819 (1.0.0)
    package70820 (1.0.0)
    package70821 (1.0.0)
    package70822 (1.0.0)
    package70823 (1.0.0)
    package70824 (1.0.0)
    package70825 (1.0.0)
    package70826 (1.0.0)
    package70827 (1.0.0)
    package70828 (1.0.0)
    package70829 (1.0.0)
    package70830 (1.0.0)
    package70831 (1.0.0)
    package70832 (1.0.0)
    package70833 (1.0.0)
    package70834 (1.0.0)
    package70835 (1.0.0)
    package70836 (1.0.0)
    package70837 (1.0.0)
    package70838 (1.0.0)
    package70839 (1.0.0)
    package70840 (1.0.0)
    package70841 (1.0.0)
    package70842 (1.0.0)
    package70843 (1.0.0)
    package70844 (1.0.0)
    package70845 (1.0.0)
    package70846 (1.0.0)
    package70847 (1.0.0)
    package70848 (1.0.0)
    package70849 (1.0.0)
    package70850 (1.0.0)
    package70851 (1.0.0)
    package70852 (1.0.0)
    package70853 (1.0.0)
    package70854 (1.0.0)
    package70855 (1.0.0)
    package70856 (1.0.0)
    package70857 (1.0.0)
    package70858 (1.0.0)
    package70859 (1.0.0)
    package70860 (1.0.0)
    package70861 (1.0.0)
    package70862 (1.0.0)
    package70863 (1.0.0)
    package70864 (1.0.0)
    package70865 (1.0.0)
    package70866 (1.0.0)
    package70867 (1.0.0)
    package70868 (1.0.0)
    package70869 (1.0.0)
    package70870 (1.0.0)
    package70871 (1.0.0)
    package70872 (1.0.0)
    package70873 (1.0.0)
    package70874 (1.0.0)
    package70875 (1.0.0)
    package70876 (1.0.0)
    package70877 (1.0.0)
    package70878 (1.0.0)
    package70879 (1.0.0)
    package70880 (1.0.0)
    package70881 (1.0.0)
    package70882 (1.0.0)
    package70883 (1.0.0)
    package70884 (1.0.0)
    package70885 (1.0.0)
    package70886 (1.0.0)
    package70887 (1.0.0)
    package70888 (1.0.0)
    package70889 (1.0.0)
    package70890 (1.0.0)
    package70891 (1.0.0)
    package70892 (1.0.0)
    package70893 (1.0.0)
    package70894 (1.0.0)
    package70895 (1.0.0)
    package70896 (1.0.0)
    package70897 (1.0.0)
    package70898 (1.0.0)
    package70899 (1.0.0)
    package70900 (1.0.0)
    package70901 (1.0.0)
    package70902 (1.0.0)
    package70903 (1.0.0)
    package70904 (1.0.0)
    package70905 (1.0.0)
    package70906 (1.0.0)
    package70907 (1.0.0)
    package70908 (1.0.0)
    package70909 (1.0.0)
    package70910 (1.0.0)
    package70911 (1.0.0)
    package70912 (1.0.0)
    package70913 (1.0.0)
    package70914 (1.0.0)
    package70915 (1.0.0)
    package70916 (1.0.0)
    package70917 (1.0.0)
    package70918 (1.0.0)
    package70919 (1.0.0)
    package70920 (1.0.0)
    package70921 (1.0.0)
    package70922 (1.0.0)
    package70923 (1.0.0)
    package70924 (1.0.0)
    package70925 (1.0.0)
    package70926 (1.0.0)
    package70927 (1.0.0)
    package70928 (1.0.0)
    package70929 (1.0.0)
    package70930 (1.0.0)
    package70931 (1.0.0)
    package70932 (1.0.0)
    package70933 (1.0.0)
    package70934 (1.0.0)
    package70935 (1.0.0)
    package70936 (1.0.0)
    package70937 (1.0.0)
    package70938 (1.0.0)
    package70939 (1.0.0)
    package70940 (1.0.0)
    package70941 (1.0.0)
    package70942 (1.0.0)
    package70943 (1.0.0)
    package70944 (1.0.0)
    package70945 (1.0.0)
    package70946 (1.0.0)
    package70947 (1.0.0)
    package70948 (1.0.0)
    package70949 (1.0.0)
    package70950 (1.0.0)
    package70951 (1.0.0)
    package70952 (1.0.0)
    package70953 (1.0.0)
    package70954 (1.0.0)
    package70955 (1.0.0)
    package70956 (1.0.0)
    package70957 (1.0.0)
    package70958 (1.0.0)
    package70959 (1.0.0)
    package70960 (1.0.0)
    package70961 (1.0.0)
    package70962 (1.0.0)
    package70963 (1.0.0)
    package70964 (1.0.0)
    package70965 (1.0.0)
    package70966 (1.0.0)
    package70967 (1.0.0)
    package70968 (1.0.0)
    package70969 (1.0.0)
    package70970 (1.0.0)
    package70971 (1.0.0)
    package70972 (1.0.0)
    package70973 (1.0.0)
    package70974 (1.0.0)
    package70975 (1.0.0)
    package70976 (1.0.0)
    package70977 (1.0.0)
    package70978 (1.0.0)
    package70979 (1.0.0)
    package70980 (1.0.0)
    package70981 (1.0.0)
    package70982 (1.0.0)
    package70983 (1.0.0)
    package70984 (1.0.0)
    package70985 (1.0.0)
    package70986 (1.0.0)
    package70987 (1.0.0)
    package70988 (1.0.0)
    package70989 (1.0.0)
    package70990 (1.0.0)
    package70991 (1.0.0)
    package70992 (1.0.0)
    package70993 (1.0.0)
    package70994 (1.0.0)
    package70995 (1.0.0)
    package70996 (1.0.0)
    package70997 (1.0.0)
    package70998 (1.0.0)
    package70999 (1.0.0)
    package71000 (1.0.0)
    package71001 (1.0.0)
    package71002 (1.0.0)
    package71003 (1.0.0)
    package71004 (1.0.0)
    package71005 (1.0.0)
    package71006 (1.0.0)
    package71007 (1.0.0)
    package71008 (1.0.0)
    package71009 (1.0.0)
    package71010 (1.0.0)
    package71011 (1.0.0)
    package71012 (1.0.0)
    package71013 (1.0.0)
    package71014 (1.0.0)
    package71015 (1.0.0)
    package71016 (1.0.0)
    package71017 (1.0.0)
    package71018 (1.0.0)
    package71019 (1.0.0)
    package71020 (1.0.0)
    package71021 (1.0.0)
    package71022 (1.0.0)
    package71023 (1.0.0)
    package71024 (1.0.0)
    package71025 (1.0.0)
    package71026 (1.0.0)
    package71027 (1.0.0)
    package71028 (1.0.0)
    package71029 (1.0.0)
    package71030 (1.0.0)
    package71031 (1.0.0)
    package71032 (1.0.0)
    package71033 (1.0.0)
    package71034 (1.0.0)
    package71035 (1.0.0)
    package71036 (1.0.0)
    package71037 (1.0.0)
    package71038 (1.0.0)
    package71039 (1.0.0)
    package71040 (1.0.0)
    package71041 (1.0.0)
    package71042 (1.0.0)
    package71043 (1.0.0)
    package71044 (1.0.0)
    package71045 (1.0.0)
    package71046 (1.0.0)
    package71047 (1.0.0)
    package71048 (1.0.0)
    package71049 (1.0.0)
    package71050 (1.0.0)
    package71051 (1.0.0)
    package71052 (1.0.0)
    package71053 (1.0.0)
    package71054 (1.0.0)
    package71055 (1.0.0)
    package71056 (1.0.0)
    package71057 (1.0.0)
    package71058 (1.0.0)
    package71059 (1.0.0)
    package71060 (1.0.0)
    package71061 (1.0.0)
    package71062 (1.0.0)
    package71063 (1.0.0)
    package71064 (1.0.0)
    package71065 (1.0.0)
    package71066 (1.0.0)
    package71067 (1.0.0)
    package71068 (1.0.0)
    package71069 (1.0.0)
    package71070 (1.0.0)
    package71071 (1.0.0)
    package71072 (1.0.0)
    package71073 (1.0.0)
    package71074 (1.0.0)
    package71075 (1.0.0)
    package71076 (1.0.0)
    package71077 (1.0.0)
    package71078 (1.0.0)
    package71079 (1.0.0)
    package71080 (1.0.0)
    package71081 (1.0.0)
    package71082 (1.0.0)
    package71083 (1.0.0)
    package71084 (1.0.0)
    package71085 (1.0.0)
    package71086 (1.0.0)
    package71087 (1.0.0)
    package71088 (1.0.0)
    package71089 (1.0.0)
    package71090 (1.0.0)
    package71091 (1.0.0)
    package71092 (1.0.0)
    package71093 (1.0.0)
    package71094 (1.0.0)
    package71095 (1.0.0)
    package71096 (1.0.0)
    package71097 (1.0.0)
    package71098 (1.0.0)
    package71099 (1.0.0)
    package71100 (1.0.0)
    package71101 (1.0.0)
    package71102 (1.0.0)
    package71103 (1.0.0)
    package71104 (1.0.0)
    package71105 (1.0.0)
    package71106 (1.0.0)
    package71107 (1.0.0)
    package71108 (1.0.0)
    package71109 (1.0.0)
    package71110 (1.0.0)
    package71111 (1.0.0)
    package71112 (1.0.0)
    package71113 (1.0.0)
    package71114 (1.0.0)
    package71115 (1.0.0)
    package71116 (1.0.0)
    package71117 (1.0.0)
    package71118 (1.0.0)
    package71119 (1.0.0)
    package71120 (1.0.0)
    package71121 (1.0.0)
    package71122 (1.0.0)
    package71123 (1.0.0)
    package71124 (1.0.0)
    package71125 (1.0.0)
    package71126 (1.0.0)
    package71127 (1.0.0)
    package71128 (1.0.0)
    package71129 (1.0.0)
    package71130 (1.0.0)
    package71131 (1.0.0)
    package71132 (1.0.0)
    package71133 (1.0.0)
    package71134 (1.0.0)
    package71135 (1.0.0)
    package71136 (1.0.0)
    package71137 (1.0.0)
    package71138 (1.0.0)
    package71139 (1.0.0)
    package71140 (1.0.0)
    package71141 (1.0.0)
    package71142 (1.0.0)
    package71143 (1.0.0)
    package71144 (1.0.0)
    package71145 (1.0.0)
    package71146 (1.0.0)
    package71147 (1.0.0)
    package71148 (1.0.0)
    package71149 (1.0.0)
    package71150 (1.0.0)
    package71151 (1.0.0)
    package71152 (1.0.0)
    package71153 (1.0.0)
    package71154 (1.0.0)
    package71155 (1.0.0)
    package71156 (1.0.0)
    package71157 (1.0.0)
    package71158 (1.0.0)
    package71159 (1.0.0)
    package71160 (1.0.0)
    package71161 (1.0.0)
    package71162 (1.0.0)
    package71163 (1.0.0)
    package71164 (1.0.0)
    package71165 (1.0.0)
    package71166 (1.0.0)
    package71167 (1.0.0)
    package71168 (1.0.0)
    package71169 (1.0.0)
    package71170 (1.0.0)
    package71171 (1.0.0)
    package71172 (1.0.0)
    package71173 (1.0.0)
    package71174 (1.0.0)
    package71175 (1.0.0)
    package71176 (1.0.0)
    package71177 (1.0.0)
    package71178 (1.0.0)
    package71179 (1.0.0)
    package71180 (1.0.0)
    package71181 (1.0.0)
    package71182 (1.0.0)
    package71183 (1.0.0)
    package71184 (1.0.0)
    package71185 (1.0.0)
    package71186 (1.0.0)
    package71187 (1.0.0)
    package71188 (1.0.0)
    package71189 (1.0.0)
    package71190 (1.0.0)
    package71191 (1.0.0)
    package71192 (1.0.0)
    package71193 (1.0.0)
    package71194 (1.0.0)
    package71195 (1.0.0)
    package71196 (1.0.0)
    package71197 (1.0.0)
    package71198 (1.0.0)
    package71199 (1.0.0)
    package71200 (1.0.0)
    package71201 (1.0.0)
    package71202 (1.0.0)
    package71203 (1.0.0)
    package71204 (1.0.0)
    package71205 (1.0.0)
    package71206 (1.0.0)
    package71207 (1.0.0)
    package71208 (1.0.0)
    package71209 (1.0.0)
    package71210 (1.0.0)
    package71211 (1.0.0)
    package71212 (1.0.0)
    package71213 (1.0.0)
    package71214 (1.0.0)
    package71215 (1.0.0)
    package71216 (1.0.0)
    package71217 (1.0.0)
    package71218 (1.0.0)
    package71219 (1.0.0)
    package71220 (1.0.0)
    package71221 (1.0.0)
    package71222 (1.0.0)
    package71223 (1.0.0)
    package71224 (1.0.0)
    package71225 (1.0.0)
    package71226 (1.0.0)
    package71227 (1.0.0)
    package71228 (1.0.0)
    package71229 (1.0.0)
    package71230 (1.0.0)
    package71231 (1.0.0)
    package71232 (1.0.0)
    package71233 (1.0.0)
    package71234 (1.0.0)
    package71235 (1.0.0)
    package71236 (1.0.0)
    package71237 (1.0.0)
    package71238 (1.0.0)
    package71239 (1.0.0)
    package71240 (1.0.0)
    package71241 (1.0.0)
    package71242 (1.0.0)
    package71243 (1.0.0)
    package71244 (1.0.0)
    package71245 (1.0.0)
    package71246 (1.0.0)
    package71247 (1.0.0)
    package71248 (1.0.0)
    package71249 (1.0.0)
    package71250 (1.0.0)
    package71251 (1.0.0)
    package71252 (1.0.0)
    package71253 (1.0.0)
    package71254 (1.0.0)
    package71255 (1.0.0)
    package71256 (1.0.0)
    package71257 (1.0.0)
    package71258 (1.0.0)
    package71259 (1.0.0)
    package71260 (1.0.0)
    package71261 (1.0.0)
    package71262 (1.0.0)
    package71263 (1.0.0)
    package71264 (1.0.0)
    package71265 (1.0.0)
    package71266 (1.0.0)
    package71267 (1.0.0)
    package71268 (1.0.0)
    package71269 (1.0.0)
    package71270 (1.0.0)
    package71271 (1.0.0)
    package71272 (1.0.0)
    package71273 (1.0.0)
    package71274 (1.0.0)
    package71275 (1.0.0)
    package71276 (1.0.0)
    package71277 (1.0.0)
    package71278 (1.0.0)
    package71279 (1.0.0)
    package71280 (1.0.0)
    package71281 (1.0.0)
    package71282 (1.0.0)
    package71283 (1.0.0)
    package71284 (1.0.0)
    package71285 (1.0.0)
    package71286 (1.0.0)
    package71287 (1.0.0)
    package71288 (1.0.0)
    package71289 (1.0.0)
    package71290 (1.0.0)
    package71291 (1.0.0)
    package71292 (1.0.0)
    package71293 (1.0.0)
    package71294 (1.0.0)
    package71295 (1.0.0)
    package71296 (1.0.0)
    package71297 (1.0.0)
    package71298 (1.0.0)
    package71299 (1.0.0)
    package71300 (1.0.0)
    package71301 (1.0.0)
    package71302 (1.0.0)
    package71303 (1.0.0)
    package71304 (1.0.0)
    package71305 (1.0.0)
    package71306 (1.0.0)
    package71307 (1.0.0)
    package71308 (1.0.0)
    package71309 (1.0.0)
    package71310 (1.0.0)
    package71311 (1.0.0)
    package71312 (1.0.0)
    package71313 (1.0.0)
    package71314 (1.0.0)
    package71315 (1.0.0)
    package71316 (1.0.0)
    package71317 (1.0.0)
    package71318 (1.0.0)
    package71319 (1.0.0)
    package71320 (1.0.0)
    package71321 (1.0.0)
    package71322 (1.0.0)
    package71323 (1.0.0)
    package71324 (1.0.0)
    package71325 (1.0.0)
    package71326 (1.0.0)
    package71327 (1.0.0)
    package71328 (1.0.0)
    package71329 (1.0.0)
    package71330 (1.0.0)
    package71331 (1.0.0)
    package71332 (1.0.0)
    package71333 (1.0.0)
    package71334 (1.0.0)
    package71335 (1.0.0)
    package71336 (1.0.0)
    package71337 (1.0.0)
    package71338 (1.0.0)
    package71339 (1.0.0)
    package71340 (1.0.0)
    package71341 (1.0.0)
    package71342 (1.0.0)
    package71343 (1.0.0)
    package71344 (1.0.0)
    package71345 (1.0.0)
    package71346 (1.0.0)
    package71347 (1.0.0)
    package71348 (1.0.0)
    package71349 (1.0.0)
    package71350 (1.0.0)
    package71351 (1.0.0)
    package71352 (1.0.0)
    package71353 (1.0.0)
    package71354 (1.0.0)
    package71355 (1.0.0)
    package71356 (1.0.0)
    package71357 (1.0.0)
    package71358 (1.0.0)
    package71359 (1.0.0)
    package71360 (1.0.0)
    package71361 (1.0.0)
    package71362 (1.0.0)
    package71363 (1.0.0)
    package71364 (1.0.0)
    package71365 (1.0.0)
    package71366 (1.0.0)
    package71367 (1.0.0)
    package71368 (1.0.0)
    package71369 (1.0.0)
    package71370 (1.0.0)
    package71371 (1.0.0)
    package71372 (1.0.0)
    package71373 (1.0.0)
    package71374 (1.0.0)
    package71375 (1.0.0)
    package71376 (1.0.0)
    package71377 (1.0.0)
    package71378 (1.0.0)
    package71379 (1.0.0)
    package71380 (1.0.0)
    package71381 (1.0.0)
    package71382 (1.0.0)
    package71383 (1.0.0)
    package71384 (1.0.0)
    package71385 (1.0.0)
    package71386 (1.0.0)
    package71387 (1.0.0)
    package71388 (1.0.0)
    package71389 (1.0.0)
    package71390 (1.0.0)
    package71391 (1.0.0)
    package71392 (1.0.0)
    package71393 (1.0.0)
    package71394 (1.0.0)
    package71395 (1.0.0)
    package71396 (1.0.0)
    package71397 (1.0.0)
    package71398 (1.0.0)
    package71399 (1.0.0)
    package71400 (1.0.0)
    package71401 (1.0.0)
    package71402 (1.0.0)
    package71403 (1.0.0)
    package71404 (1.0.0)
    package71405 (1.0.0)
    package71406 (1.0.0)
    package71407 (1.0.0)
    package71408 (1.0.0)
    package71409 (1.0.0)
    package71410 (1.0.0)
    package71411 (1.0.0)
    package71412 (1.0.0)
    package71413 (1.0.0)
    package71414 (1.0.0)
    package71415 (1.0.0)
    package71416 (1.0.0)
    package71417 (1.0.0)
    package71418 (1.0.0)
    package71419 (1.0.0)
    package71420 (1.0.0)
    package71421 (1.0.0)
    package71422 (1.0.0)
    package71423 (1.0.0)
    package71424 (1.0.0)
    package71425 (1.0.0)
    package71426 (1.0.0)
    package71427 (1.0.0)
    package71428 (1.0.0)
    package71429 (1.0.0)
    package71430 (1.0.0)
    package71431 (1.0.0)
    package71432 (1.0.0)
    package71433 (1.0.0)
    package71434 (1.0.0)
    package71435 (1.0.0)
    package71436 (1.0.0)
    package71437 (1.0.0)
    package71438 (1.0.0)
    package71439 (1.0.0)
    package71440 (1.0.0)
    package71441 (1.0.0)
    package71442 (1.0.0)
    package71443 (1.0.0)
    package71444 (1.0.0)
    package71445 (1.0.0)
    package71446 (1.0.0)
    package71447 (1.0.0)
    package71448 (1.0.0)
    package71449 (1.0.0)
    package71450 (1.0.0)
    package71451 (1.0.0)
    package71452 (1.0.0)
    package71453 (1.0.0)
    package71454 (1.0.0)
    package71455 (1.0.0)
    package71456 (1.0.0)
    package71457 (1.0.0)
    package71458 (1.0.0)
    package71459 (1.0.0)
    package71460 (1.0.0)
    package71461 (1.0.0)
    package71462 (1.0.0)
    package71463 (1.0.0)
    package71464 (1.0.0)
    package71465 (1.0.0)
    package71466 (1.0.0)
    package71467 (1.0.0)
    package71468 (1.0.0)
    package71469 (1.0.0)
    package71470 (1.0.0)
    package71471 (1.0.0)
    package71472 (1.0.0)
    package71473 (1.0.0)
    package71474 (1.0.0)
    package71475 (1.0.0)
    package71476 (1.0.0)
    package71477 (1.0.0)
    package71478 (1.0.0)
    package71479 (1.0.0)
    package71480 (1.0.0)
    package71481 (1.0.0)
    package71482 (1.0.0)
    package71483 (1.0.0)
    package71484 (1.0.0)
    package71485 (1.0.0)
    package71486 (1.0.0)
    package71487 (1.0.0)
    package71488 (1.0.0)
    package71489 (1.0.0)
    package71490 (1.0.0)
    package71491 (1.0.0)
    package71492 (1.0.0)
    package71493 (1.0.0)
    package71494 (1.0.0)
    package71495 (1.0.0)
    package71496 (1.0.0)
    package71497 (1.0.0)
    package71498 (1.0.0)
    package71499 (1.0.0)
    package71500 (1.0.0)
    package71501 (1.0.0)
    package71502 (1.0.0)
    package71503 (1.0.0)
    package71504 (1.0.0)
    package71505 (1.0.0)
    package71506 (1.0.0)
    package71507 (1.0.0)
    package71508 (1.0.0)
    package71509 (1.0.0)
    package71510 (1.0.0)
    package71511 (1.0.0)
    package71512 (1.0.0)
    package71513 (1.0.0)
    package71514 (1.0.0)
    package71515 (1.0.0)
    package71516 (1.0.0)
    package71517 (1.0.0)
    package71518 (1.0.0)
    package71519 (1.0.0)
    package71520 (1.0.0)
    package71521 (1.0.0)
    package71522 (1.0.0)
    package71523 (1.0.0)
    package71524 (1.0.0)
    package71525 (1.0.0)
    package71526 (1.0.0)
    package71527 (1.0.0)
    package71528 (1.0.0)
    package71529 (1.0.0)
    package71530 (1.0.0)
    package71531 (1.0.0)
    package71532 (1.0.0)
    package71533 (1.0.0)
    package71534 (1.0.0)
    package71535 (1.0.0)
    package71536 (1.0.0)
    package71537 (1.0.0)
    package71538 (1.0.0)
    package71539 (1.0.0)
    package71540 (1.0.0)
    package71541 (1.0.0)
    package71542 (1.0.0)
    package71543 (1.0.0)
    package71544 (1.0.0)
    package71545 (1.0.0)
    package71546 (1.0.0)
    package71547 (1.0.0)
    package71548 (1.0.0)
    package71549 (1.0.0)
    package71550 (1.0.0)
    package71551 (1.0.0)
    package71552 (1.0.0)
    package71553 (1.0.0)
    package71554 (1.0.0)
    package71555 (1.0.0)
    package71556 (1.0.0)
    package71557 (1.0.0)
    package71558 (1.0.0)
    package71559 (1.0.0)
    package71560 (1.0.0)
    package71561 (1.0.0)
    package71562 (1.0.0)
    package71563 (1.0.0)
    package71564 (1.0.0)
    package71565 (1.0.0)
    package71566 (1.0.0)
    package71567 (1.0.0)
    package71568 (1.0.0)
    package71569 (1.0.0)
    package71570 (1.0.0)
    package71571 (1.0.0)
    package71572 (1.0.0)
    package71573 (1.0.0)
    package71574 (1.0.0)
    package71575 (1.0.0)
    package71576 (1.0.0)
    package71577 (1.0.0)
    package71578 (1.0.0)
    package71579 (1.0.0)
    package71580 (1.0.0)
    package71581 (1.0.0)
    package71582 (1.0.0)
    package71583 (1.0.0)
    package71584 (1.0.0)
    package71585 (1.0.0)
    package71586 (1.0.0)
    package71587 (1.0.0)
    package71588 (1.0.0)
    package71589 (1.0.0)
    package71590 (1.0.0)
    package71591 (1.0.0)
    package71592 (1.0.0)
    package71593 (1.0.0)
    package71594 (1.0.0)
    package71595 (1.0.0)
    package71596 (1.0.0)
    package71597 (1.0.0)
    package71598 (1.0.0)
    package71599 (1.0.0)
    package71600 (1.0.0)
    package71601 (1.0.0)
    package71602 (1.0.0)
    package71603 (1.0.0)
    package71604 (1.0.0)
    package71605 (1.0.0)
    package71606 (1.0.0)
    package71607 (1.0.0)
    package71608 (1.0.0)
    package71609 (1.0.0)
    package71610 (1.0.0)
    package71611 (1.0.0)
    package71612 (1.0.0)
    package71613 (1.0.0)
    package71614 (1.0.0)
    package71615 (1.0.0)
    package71616 (1.0.0)
    package71617 (1.0.0)
    package71618 (1.0.0)
    package71619 (1.0.0)
    package71620 (1.0.0)
    package71621 (1.0.0)
    package71622 (1.0.0)
    package71623 (1.0.0)
    package71624 (1.0.0)
    package71625 (1.0.0)
    package71626 (1.0.0)
    package71627 (1.0.0)
    package71628 (1.0.0)
    package71629 (1.0.0)
    package71630 (1.0.0)
    package71631 (1.0.0)
    package71632 (1.0.0)
    package71633 (1.0.0)
    package71634 (1.0.0)
    package71635 (1.0.0)
    package71636 (1.0.0)
    package71637 (1.0.0)
    package71638 (1.0.0)
    package71639 (1.0.0)
    package71640 (1.0.0)
    package71641 (1.0.0)
    package71642 (1.0.0)
    package71643 (1.0.0)
    package71644 (1.0.0)
    package71645 (1.0.0)
    package71646 (1.0.0)
    package71647 (1.0.0)
    package71648 (1.0.0)
    package71649 (1.0.0)
    package71650 (1.0.0)
    package71651 (1.0.0)
    package71652 (1.0.0)
    package71653 (1.0.0)
    package71654 (1.0.0)
    package71655 (1.0.0)
    package71656 (1.0.0)
    package71657 (1.0.0)
    package71658 (1.0.0)
    package71659 (1.0.0)
    package71660 (1.0.0)
    package71661 (1.0.0)
    package71662 (1.0.0)
    package71663 (1.0.0)
    package71664 (1.0.0)
    package71665 (1.0.0)
    package71666 (1.0.0)
    package71667 (1.0.0)
    package71668 (1.0.0)
    package71669 (1.0.0)
    package71670 (1.0.0)
    package71671 (1.0.0)
    package71672 (1.0.0)
    package71673 (1.0.0)
    package71674 (1.0.0)
    package71675 (1.0.0)
    package71676 (1.0.0)
    package71677 (1.0.0)
    package71678 (1.0.0)
    package71679 (1.0.0)
    package71680 (1.0.0)
    package71681 (1.0.0)
    package71682 (1.0.0)
    package71683 (1.0.0)
    package71684 (1.0.0)
    package71685 (1.0.0)
    package71686 (1.0.0)
    package71687 (1.0.0)
    package71688 (1.0.0)
    package71689 (1.0.0)
    package71690 (1.0.0)
    package71691 (1.0.0)
    package71692 (1.0.0)
    package71693 (1.0.0)
    package71694 (1.0.0)
    package71695 (1.0.0)
    package71696 (1.0.0)
    package71697 (1.0.0)
    package71698 (1.0.0)
    package71699 (1.0.0)
    package71700 (1.0.0)
    package71701 (1.0.0)
    package71702 (1.0.0)
    package71703 (1.0.0)
    package71704 (1.0.0)
    package71705 (1.0.0)
    package71706 (1.0.0)
    package71707 (1.0.0)
    package71708 (1.0.0)
    package71709 (1.0.0)
    package71710 (1.0.0)
    package71711 (1.0.0)
    package71712 (1.0.0)
    package71713 (1.0.0)
    package71714 (1.0.0)
    package71715 (1.0.0)
    package71716 (1.0.0)
    package71717 (1.0.0)
    package71718 (1.0.0)
    package71719 (1.0.0)
    package71720 (1.0.0)
    package71721 (1.0.0)
    package71722 (1.0.0)
    package71723 (1.0.0)
    package71724 (1.0.0)
    package71725 (1.0.0)
    package71726 (1.0.0)
    package71727 (1.0.0)
    package71728 (1.0.0)
    package71729 (1.0.0)
    package71730 (1.0.0)
    package71731 (1.0.0)
    package71732 (1.0.0)
    package71733 (1.0.0)
    package71734 (1.0.0)
    package71735 (1.0.0)
    package71736 (1.0.0)
    package71737 (1.0.0)
    package71738 (1.0.0)
    package71739 (1.0.0)
    package71740 (1.0.0)
    package71741 (1.0.0)
    package71742 (1.0.0)
    package71743 (1.0.0)
    package71744 (1.0.0)
    package71745 (1.0.0)
    package71746 (1.0.0)
    package71747 (1.0.0)
    package71748 (1.0.0)
    package71749 (1.0.0)
    package71750 (1.0.0)
    package71751 (1.0.0)
    package71752 (1.0.0)
    package71753 (1.0.0)
    package71754 (1.0.0)
    package71755 (1.0.0)
    package71756 (1.0.0)
    package71757 (1.0.0)
    package71758 (1.0.0)
    package71759 (1.0.0)
    package71760 (1.0.0)
    package71761 (1.0.0)
    package71762 (1.0.0)
    package71763 (1.0.0)
    package71764 (1.0.0)
    package71765 (1.0.0)
    package71766 (1.0.0)
    package71767 (1.0.0)
    package71768 (1.0.0)
    package71769 (1.0.0)
    package71770 (1.0.0)
    package71771 (1.0.0)
    package71772 (1.0.0)
    package71773 (1.0.0)
    package71774 (1.0.0)
    package71775 (1.0.0)
    package71776 (1.0.0)
    package71777 (1.0.0)
    package71778 (1.0.0)
    package71779 (1.0.0)
    package71780 (1.0.0)
    package71781 (1.0.0)
    package71782 (1.0.0)
    package71783 (1.0.0)
    package71784 (1.0.0)
    package71785 (1.0.0)
    package71786 (1.0.0)
    package71787 (1.0.0)
    package71788 (1.0.0)
    package71789 (1.0.0)
    package71790 (1.0.0)
    package71791 (1.0.0)
    package71792 (1.0.0)
    package71793 (1.0.0)
    package71794 (1.0.0)
    package71795 (1.0.0)
    package71796 (1.0.0)
    package71797 (1.0.0)
    package71798 (1.0.0)
    package71799 (1.0.0)
    package71800 (1.0.0)
    package71801 (1.0.0)
    package71802 (1.0.0)
    package71803 (1.0.0)
    package71804 (1.0.0)
    package71805 (1.0.0)
    package71806 (1.0.0)
    package71807 (1.0.0)
    package71808 (1.0.0)
    package71809 (1.0.0)
    package71810 (1.0.0)
    package71811 (1.0.0)
    package71812 (1.0.0)
    package71813 (1.0.0)
    package71814 (1.0.0)
    package71815 (1.0.0)
    package71816 (1.0.0)
    package71817 (1.0.0)
    package71818 (1.0.0)
    package71819 (1.0.0)
    package71820 (1.0.0)
    package71821 (1.0.0)
    package71822 (1.0.0)
    package71823 (1.0.0)
    package71824 (1.0.0)
    package71825 (1.0.0)
    package71826 (1.0.0)
    package71827 (1.0.0)
    package71828 (1.0.0)
    package71829 (1.0.0)
    package71830 (1.0.0)
    package71831 (1.0.0)
    package71832 (1.0.0)
    package71833 (1.0.0)
    package71834 (1.0.0)
    package71835 (1.0.0)
    package71836 (1.0.0)
    package71837 (1.0.0)
    package71838 (1.0.0)
    package71839 (1.0.0)
    package71840 (1.0.0)
    package71841 (1.0.0)
    package71842 (1.0.0)
    package71843 (1.0.0)
    package71844 (1.0.0)
    package71845 (1.0.0)
    package71846 (1.0.0)
    package71847 (1.0.0)
    package71848 (1.0.0)
    package71849 (1.0.0)
    package71850 (1.0.0)
    package71851 (1.0.0)
    package71852 (1.0.0)
    package71853 (1.0.0)
    package71854 (1.0.0)
    package71855 (1.0.0)
    package71856 (1.0.0)
    package71857 (1.0.0)
    package71858 (1.0.0)
    package71859 (1.0.0)
    package71860 (1.0.0)
    package71861 (1.0.0)
    package71862 (1.0.0)
    package71863 (1.0.0)
    package71864 (1.0.0)
    package71865 (1.0.0)
    package71866 (1.0.0)
    package71867 (1.0.0)
    package71868 (1.0.0)
    package71869 (1.0.0)
    package71870 (1.0.0)
    package71871 (1.0.0)
    package71872 (1.0.0)
    package71873 (1.0.0)
    package71874 (1.0.0)
    package71875 (1.0.0)
    package71876 (1.0.0)
    package71877 (1.0.0)
    package71878 (1.0.0)
    package71879 (1.0.0)
    package71880 (1.0.0)
    package71881 (1.0.0)
    package71882 (1.0.0)
    package71883 (1.0.0)
    package71884 (1.0.0)
    package71885 (1.0.0)
    package71886 (1.0.0)
    package71887 (1.0.0)
    package71888 (1.0.0)
    package71889 (1.0.0)
    package71890 (1.0.0)
    package71891 (1.0.0)
    package71892 (1.0.0)
    package71893 (1.0.0)
    package71894 (1.0.0)
    package71895 (1.0.0)
    package71896 (1.0.0)
    package71897 (1.0.0)
    package71898 (1.0.0)
    package71899 (1.0.0)
    package71900 (1.0.0)
    package71901 (1.0.0)
    package71902 (1.0.0)
    package71903 (1.0.0)
    package71904 (1.0.0)
    package71905 (1.0.0)
    package71906 (1.0.0)
    package71907 (1.0.0)
    package71908 (1.0.0)
    package71909 (1.0.0)
    package71910 (1.0.0)
    package71911 (1.0.0)
    package71912 (1.0.0)
    package71913 (1.0.0)
    package71914 (1.0.0)
    package71915 (1.0.0)
    package71916 (1.0.0)
    package71917 (1.0.0)
    package71918 (1.0.0)
    package71919 (1.0.0)
    package71920 (1.0.0)
    package71921 (1.0.0)
    package71922 (1.0.0)
    package71923 (1.0.0)
    package71924 (1.0.0)
    package71925 (1.0.0)
    package71926 (1.0.0)
    package71927 (1.0.0)
    package71928 (1.0.0)
    package71929 (1.0.0)
    package71930 (1.0.0)
    package71931 (1.0.0)
    package71932 (1.0.0)
    package71933 (1.0.0)
    package71934 (1.0.0)
    package71935 (1.0.0)
    package71936 (1.0.0)
    package71937 (1.0.0)
    package71938 (1.0.0)
    package71939 (1.0.0)
    package71940 (1.0.0)
    package71941 (1.0.0)
    package71942 (1.0.0)
    package71943 (1.0.0)
    package71944 (1.0.0)
    package71945 (1.0.0)
    package71946 (1.0.0)
    package71947 (1.0.0)
    package71948 (1.0.0)
    package71949 (1.0.0)
    package71950 (1.0.0)
    package71951 (1.0.0)
    package71952 (1.0.0)
    package71953 (1.0.0)
    package71954 (1.0.0)
    package71955 (1.0.0)
    package71956 (1.0.0)
    package71957 (1.0.0)
    package71958 (1.0.0)
    package71959 (1.0.0)
    package71960 (1.0.0)
    package71961 (1.0.0)
    package71962 (1.0.0)
    package71963 (1.0.0)
    package71964 (1.0.0)
    package71965 (1.0.0)
    package71966 (1.0.0)
    package71967 (1.0.0)
    package71968 (1.0.0)
    package71969 (1.0.0)
    package71970 (1.0.0)
    package71971 (1.0.0)
    package71972 (1.0.0)
    package71973 (1.0.0)
    package71974 (1.0.0)
    package71975 (1.0.0)
    package71976 (1.0.0)
    package71977 (1.0.0)
    package71978 (1.0.0)
    package71979 (1.0.0)
    package71980 (1.0.0)
    package71981 (1.0.0)
    package71982 (1.0.0)
    package71983 (1.0.0)
    package71984 (1.0.0)
    package71985 (1.0.0)
    package71986 (1.0.0)
    package71987 (1.0.0)
    package71988 (1.0.0)
    package71989 (1.0.0)
    package71990 (1.0.0)
    package71991 (1.0.0)
    package71992 (1.0.0)
    package71993 (1.0.0)
    package71994 (1.0.0)
    package71995 (1.0.0)
    package71996 (1.0.0)
    package71997 (1.0.0)
    package71998 (1.0.0)
    package71999 (1.0.0)
    package72000 (1.0.0)
    package72001 (1.0.0)
    package72002 (1.0.0)
    package72003 (1.0.0)
    package72004 (1.0.0)
    package72005 (1.0.0)
    package72006 (1.0.0)
    package72007 (1.0.0)
    package72008 (1.0.0)
    package72009 (1.0.0)
    package72010 (1.0.0)
    package72011 (1.0.0)
    package72012 (1.0.0)
    package72013 (1.0.0)
    package72014 (1.0.0)
    package72015 (1.0.0)
    package72016 (1.0.0)
    package72017 (1.0.0)
    package72018 (1.0.0)
    package72019 (1.0.0)
    package72020 (1.0.0)
    package72021 (1.0.0)
    package72022 (1.0.0)
    package72023 (1.0.0)
    package72024 (1.0.0)
    package72025 (1.0.0)
    package72026 (1.0.0)
    package72027 (1.0.0)
    package72028 (1.0.0)
    package72029 (1.0.0)
    package72030 (1.0.0)
    package72031 (1.0.0)
    package72032 (1.0.0)
    package72033 (1.0.0)
    package72034 (1.0.0)
    package72035 (1.0.0)
    package72036 (1.0.0)
    package72037 (1.0.0)
    package72038 (1.0.0)
    package72039 (1.0.0)
    package72040 (1.0.0)
    package72041 (1.0.0)
    package72042 (1.0.0)
    package72043 (1.0.0)
    package72044 (1.0.0)
    package72045 (1.0.0)
    package72046 (1.0.0)
    package72047 (1.0.0)
    package72048 (1.0.0)
    package72049 (1.0.0)
    package72050 (1.0.0)
    package72051 (1.0.0)
    package72052 (1.0.0)
    package72053 (1.0.0)
    package72054 (1.0.0)
    package72055 (1.0.0)
    package72056 (1.0.0)
    package72057 (1.0.0)
    package72058 (1.0.0)
    package72059 (1.0.0)
    package72060 (1.0.0)
    package72061 (1.0.0)
    package72062 (1.0.0)
    package72063 (1.0.0)
    package72064 (1.0.0)
    package72065 (1.0.0)
    package72066 (1.0.0)
    package72067 (1.0.0)
    package72068 (1.0.0)
    package72069 (1.0.0)
    package72070 (1.0.0)
    package72071 (1.0.0)
    package72072 (1.0.0)
    package72073 (1.0.0)
    package72074 (1.0.0)
    package72075 (1.0.0)
    package72076 (1.0.0)
    package72077 (1.0.0)
    package72078 (1.0.0)
    package72079 (1.0.0)
    package72080 (1.0.0)
    package72081 (1.0.0)
    package72082 (1.0.0)
    package72083 (1.0.0)
    package72084 (1.0.0)
    package72085 (1.0.0)
    package72086 (1.0.0)
    package72087 (1.0.0)
    package72088 (1.0.0)
    package72089 (1.0.0)
    package72090 (1.0.0)
    package72091 (1.0.0)
    package72092 (1.0.0)
    package72093 (1.0.0)
    package72094 (1.0.0)
    package72095 (1.0.0)
    package72096 (1.0.0)
    package72097 (1.0.0)
    package72098 (1.0.0)
    package72099 (1.0.0)
    package72100 (1.0.0)
    package72101 (1.0.0)
    package72102 (1.0.0)
    package72103 (1.0.0)
    package72104 (1.0.0)
    package72105 (1.0.0)
    package72106 (1.0.0)
    package72107 (1.0.0)
    package72108 (1.0.0)
    package72109 (1.0.0)
    package72110 (1.0.0)
    package72111 (1.0.0)
    package72112 (1.0.0)
    package72113 (1.0.0)
    package72114 (1.0.0)
    package72115 (1.0.0)
    package72116 (1.0.0)
    package72117 (1.0.0)
    package72118 (1.0.0)
    package72119 (1.0.0)
    package72120 (1.0.0)
    package72121 (1.0.0)
    package72122 (1.0.0)
    package72123 (1.0.0)
    package72124 (1.0.0)
    package72125 (1.0.0)
    package72126 (1.0.0)
    package72127 (1.0.0)
    package72128 (1.0.0)
    package72129 (1.0.0)
    package72130 (1.0.0)
    package72131 (1.0.0)
    package72132 (1.0.0)
    package72133 (1.0.0)
    package72134 (1.0.0)
    package72135 (1.0.0)
    package72136 (1.0.0)
    package72137 (1.0.0)
    package72138 (1.0.0)
    package72139 (1.0.0)
    package72140 (1.0.0)
    package72141 (1.0.0)
    package72142 (1.0.0)
    package72143 (1.0.0)
    package72144 (1.0.0)
    package72145 (1.0.0)
    package72146 (1.0.0)
    package72147 (1.0.0)
    package72148 (1.0.0)
    package72149 (1.0.0)
    package72150 (1.0.0)
    package72151 (1.0.0)
    package72152 (1.0.0)
    package72153 (1.0.0)
    package72154 (1.0.0)
    package72155 (1.0.0)
    package72156 (1.0.0)
    package72157 (1.0.0)
    package72158 (1.0.0)
    package72159 (1.0.0)
    package72160 (1.0.0)
    package72161 (1.0.0)
    package72162 (1.0.0)
    package72163 (1.0.0)
    package72164 (1.0.0)
    package72165 (1.0.0)
    package72166 (1.0.0)
    package72167 (1.0.0)
    package72168 (1.0.0)
    package72169 (1.0.0)
    package72170 (1.0.0)
    package72171 (1.0.0)
    package72172 (1.0.0)
    package72173 (1.0.0)
    package72174 (1.0.0)
    package72175 (1.0.0)
    package72176 (1.0.0)
    package72177 (1.0.0)
    package72178 (1.0.0)
    package72179 (1.0.0)
    package72180 (1.0.0)
    package72181 (1.0.0)
    package72182 (1.0.0)
    package72183 (1.0.0)
    package72184 (1.0.0)
    package72185 (1.0.0)
    package72186 (1.0.0)
    package72187 (1.0.0)
    package72188 (1.0.0)
    package72189 (1.0.0)
    package72190 (1.0.0)
    package72191 (1.0.0)
    package72192 (1.0.0)
    package72193 (1.0.0)
    package72194 (1.0.0)
    package72195 (1.0.0)
    package72196 (1.0.0)
    package72197 (1.0.0)
    package72198 (1.0.0)
    package72199 (1.0.0)
    package72200 (1.0.0)
    package72201 (1.0.0)
    package72202 (1.0.0)
    package72203 (1.0.0)
    package72204 (1.0.0)
    package72205 (1.0.0)
    package72206 (1.0.0)
    package72207 (1.0.0)
    package72208 (1.0.0)
    package72209 (1.0.0)
    package72210 (1.0.0)
    package72211 (1.0.0)
    package72212 (1.0.0)
    package72213 (1.0.0)
    package72214 (1.0.0)
    package72215 (1.0.0)
    package72216 (1.0.0)
    package72217 (1.0.0)
    package72218 (1.0.0)
    package72219 (1.0.0)
    package72220 (1.0.0)
    package72221 (1.0.0)
    package72222 (1.0.0)
    package72223 (1.0.0)
    package72224 (1.0.0)
    package72225 (1.0.0)
    package72226 (1.0.0)
    package72227 (1.0.0)
    package72228 (1.0.0)
    package72229 (1.0.0)
    package72230 (1.0.0)
    package72231 (1.0.0)
    package72232 (1.0.0)
    package72233 (1.0.0)
    package72234 (1.0.0)
    package72235 (1.0.0)
    package72236 (1.0.0)
    package72237 (1.0.0)
    package72238 (1.0.0)
    package72239 (1.0.0)
    package72240 (1.0.0)
    package72241 (1.0.0)
    package72242 (1.0.0)
    package72243 (1.0.0)
    package72244 (1.0.0)
    package72245 (1.0.0)
    package72246 (1.0.0)
    package72247 (1.0.0)
    package72248 (1.0.0)
    package72249 (1.0.0)
    package72250 (1.0.0)
    package72251 (1.0.0)
    package72252 (1.0.0)
    package72253 (1.0.0)
    package72254 (1.0.0)
    package72255 (1.0.0)
    package72256 (1.0.0)
    package72257 (1.0.0)
    package72258 (1.0.0)
    package72259 (1.0.0)
    package72260 (1.0.0)
    package72261 (1.0.0)
    package72262 (1.0.0)
    package72263 (1.0.0)
    package72264 (1.0.0)
    package72265 (1.0.0)
    package72266 (1.0.0)
    package72267 (1.0.0)
    package72268 (1.0.0)
    package72269 (1.0.0)
    package72270 (1.0.0)
    package72271 (1.0.0)
    package72272 (1.0.0)
    package72273 (1.0.0)
    package72274 (1.0.0)
    package72275 (1.0.0)
    package72276 (1.0.0)
    package72277 (1.0.0)
    package72278 (1.0.0)
    package72279 (1.0.0)
    package72280 (1.0.0)
    package72281 (1.0.0)
    package72282 (1.0.0)
    package72283 (1.0.0)
    package72284 (1.0.0)
    package72285 (1.0.0)
    package72286 (1.0.0)
    package72287 (1.0.0)
    package72288 (1.0.0)
    package72289 (1.0.0)
    package72290 (1.0.0)
    package72291 (1.0.0)
    package72292 (1.0.0)
    package72293 (1.0.0)
    package72294 (1.0.0)
    package72295 (1.0.0)
    package72296 (1.0.0)
    package72297 (1.0.0)
    package72298 (1.0.0)
    package72299 (1.0.0)
    package72300 (1.0.0)
    package72301 (1.0.0)
    package72302 (1.0.0)
    package72303 (1.0.0)
    package72304 (1.0.0)
    package72305 (1.0.0)
    package72306 (1.0.0)
    package72307 (1.0.0)
    package72308 (1.0.0)
    package72309 (1.0.0)
    package72310 (1.0.0)
    package72311 (1.0.0)
    package72312 (1.0.0)
    package72313 (1.0.0)
    package72314 (1.0.0)
    package72315 (1.0.0)
    package72316 (1.0.0)
    package72317 (1.0.0)
    package72318 (1.0.0)
    package72319 (1.0.0)
    package72320 (1.0.0)
    package72321 (1.0.0)
    package72322 (1.0.0)
    package72323 (1.0.0)
    package72324 (1.0.0)
    package72325 (1.0.0)
    package72326 (1.0.0)
    package72327 (1.0.0)
    package72328 (1.0.0)
    package72329 (1.0.0)
    package72330 (1.0.0)
    package72331 (1.0.0)
    package72332 (1.0.0)
    package72333 (1.0.0)
    package72334 (1.0.0)
    package72335 (1.0.0)
    package72336 (1.0.0)
    package72337 (1.0.0)
    package72338 (1.0.0)
    package72339 (1.0.0)
    package72340 (1.0.0)
    package72341 (1.0.0)
    package72342 (1.0.0)
    package72343 (1.0.0)
    package72344 (1.0.0)
    package72345 (1.0.0)
    package72346 (1.0.0)
    package72347 (1.0.0)
    package72348 (1.0.0)
    package72349 (1.0.0)
    package72350 (1.0.0)
    package72351 (1.0.0)
    package72352 (1.0.0)
    package72353 (1.0.0)
    package72354 (1.0.0)
    package72355 (1.0.0)
    package72356 (1.0.0)
    package72357 (1.0.0)
    package72358 (1.0.0)
    package72359 (1.0.0)
    package72360 (1.0.0)
    package72361 (1.0.0)
    package72362 (1.0.0)
    package72363 (1.0.0)
    package72364 (1.0.0)
    package72365 (1.0.0)
    package72366 (1.0.0)
    package72367 (1.0.0)
    package72368 (1.0.0)
    package72369 (1.0.0)
    package72370 (1.0.0)
    package72371 (1.0.0)
    package72372 (1.0.0)
    package72373 (1.0.0)
    package72374 (1.0.0)
    package72375 (1.0.0)
    package72376 (1.0.0)
    package72377 (1.0.0)
    package72378 (1.0.0)
    package72379 (1.0.0)
    package72380 (1.0.0)
    package72381 (1.0.0)
    package72382 (1.0.0)
    package72383 (1.0.0)
    package72384 (1.0.0)
    package72385 (1.0.0)
    package72386 (1.0.0)
    package72387 (1.0.0)
    package72388 (1.0.0)
    package72389 (1.0.0)
    package72390 (1.0.0)
    package72391 (1.0.0)
    package72392 (1.0.0)
    package72393 (1.0.0)
    package72394 (1.0.0)
    package72395 (1.0.0)
    package72396 (1.0.0)
    package72397 (1.0.0)
    package72398 (1.0.0)
    package72399 (1.0.0)
    package72400 (1.0.0)
    package72401 (1.0.0)
    package72402 (1.0.0)
    package72403 (1.0.0)
    package72404 (1.0.0)
    package72405 (1.0.0)
    package72406 (1.0.0)
    package72407 (1.0.0)
    package72408 (1.0.0)
    package72409 (1.0.0)
    package72410 (1.0.0)
    package72411 (1.0.0)
    package72412 (1.0.0)
    package72413 (1.0.0)
    package72414 (1.0.0)
    package72415 (1.0.0)
    package72416 (1.0.0)
    package72417 (1.0.0)
    package72418 (1.0.0)
    package72419 (1.0.0)
    package72420 (1.0.0)
    package72421 (1.0.0)
    package72422 (1.0.0)
    package72423 (1.0.0)
    package72424 (1.0.0)
    package72425 (1.0.0)
    package72426 (1.0.0)
    package72427 (1.0.0)
    package72428 (1.0.0)
    package72429 (1.0.0)
    package72430 (1.0.0)
    package72431 (1.0.0)
    package72432 (1.0.0)
    package72433 (1.0.0)
    package72434 (1.0.0)
    package72435 (1.0.0)
    package72436 (1.0.0)
    package72437 (1.0.0)
    package72438 (1.0.0)
    package72439 (1.0.0)
    package72440 (1.0.0)
    package72441 (1.0.0)
    package72442 (1.0.0)
    package72443 (1.0.0)
    package72444 (1.0.0)
    package72445 (1.0.0)
    package72446 (1.0.0)
    package72447 (1.0.0)
    package72448 (1.0.0)
    package72449 (1.0.0)
    package72450 (1.0.0)
    package72451 (1.0.0)
    package72452 (1.0.0)
    package72453 (1.0.0)
    package72454 (1.0.0)
    package72455 (1.0.0)
    package72456 (1.0.0)
    package72457 (1.0.0)
    package72458 (1.0.0)
    package72459 (1.0.0)
    package72460 (1.0.0)
    package72461 (1.0.0)
    package72462 (1.0.0)
    package72463 (1.0.0)
    package72464 (1.0.0)
    package72465 (1.0.0)
    package72466 (1.0.0)
    package72467 (1.0.0)
    package72468 (1.0.0)
    package72469 (1.0.0)
    package72470 (1.0.0)
    package72471 (1.0.0)
    package72472 (1.0.0)
    package72473 (1.0.0)
    package72474 (1.0.0)
    package72475 (1.0.0)
    package72476 (1.0.0)
    package72477 (1.0.0)
    package72478 (1.0.0)
    package72479 (1.0.0)
    package72480 (1.0.0)
    package72481 (1.0.0)
    package72482 (1.0.0)
    package72483 (1.0.0)
    package72484 (1.0.0)
    package72485 (1.0.0)
    package72486 (1.0.0)
    package72487 (1.0.0)
    package72488 (1.0.0)
    package72489 (1.0.0)
    package72490 (1.0.0)
    package72491 (1.0.0)
    package72492 (1.0.0)
    package72493 (1.0.0)
    package72494 (1.0.0)
    package72495 (1.0.0)
    package72496 (1.0.0)
    package72497 (1.0.0)
    package72498 (1.0.0)
    package72499 (1.0.0)
    package72500 (1.0.0)
    package72501 (1.0.0)
    package72502 (1.0.0)
    package72503 (1.0.0)
    package72504 (1.0.0)
    package72505 (1.0.0)
    package72506 (1.0.0)
    package72507 (1.0.0)
    package72508 (1.0.0)
    package72509 (1.0.0)
    package72510 (1.0.0)
    package72511 (1.0.0)
    package72512 (1.0.0)
    package72513 (1.0.0)
    package72514 (1.0.0)
    package72515 (1.0.0)
    package72516 (1.0.0)
    package72517 (1.0.0)
    package72518 (1.0.0)
    package72519 (1.0.0)
    package72520 (1.0.0)
    package72521 (1.0.0)
    package72522 (1.0.0)
    package72523 (1.0.0)
    package72524 (1.0.0)
    package72525 (1.0.0)
    package72526 (1.0.0)
    package72527 (1.0.0)
    package72528 (1.0.0)
    package72529 (1.0.0)
    package72530 (1.0.0)
    package72531 (1.0.0)
    package72532 (1.0.0)
    package72533 (1.0.0)
    package72534 (1.0.0)
    package72535 (1.0.0)
    package72536 (1.0.0)
    package72537 (1.0.0)
    package72538 (1.0.0)
    package72539 (1.0.0)
    package72540 (1.0.0)
    package72541 (1.0.0)
    package72542 (1.0.0)
    package72543 (1.0.0)
    package72544 (1.0.0)
    package72545 (1.0.0)
    package72546 (1.0.0)
    package72547 (1.0.0)
    package72548 (1.0.0)
    package72549 (1.0.0)
    package72550 (1.0.0)
    package72551 (1.0.0)
    package72552 (1.0.0)
    package72553 (1.0.0)
    package72554 (1.0.0)
    package72555 (1.0.0)
    package72556 (1.0.0)
    package72557 (1.0.0)
    package72558 (1.0.0)
    package72559 (1.0.0)
    package72560 (1.0.0)
    package72561 (1.0.0)
    package72562 (1.0.0)
    package72563 (1.0.0)
    package72564 (1.0.0)
    package72565 (1.0.0)
    package72566 (1.0.0)
    package72567 (1.0.0)
    package72568 (1.0.0)
    package72569 (1.0.0)
    package72570 (1.0.0)
    package72571 (1.0.0)
    package72572 (1.0.0)
    package72573 (1.0.0)
    package72574 (1.0.0)
    package72575 (1.0.0)
    package72576 (1.0.0)
    package72577 (1.0.0)
    package72578 (1.0.0)
    package72579 (1.0.0)
    package72580 (1.0.0)
    package72581 (1.0.0)
    package72582 (1.0.0)
    package72583 (1.0.0)
    package72584 (1.0.0)
    package72585 (1.0.0)
    package72586 (1.0.0)
    package72587 (1.0.0)
    package72588 (1.0.0)
    package72589 (1.0.0)
    package72590 (1.0.0)
    package72591 (1.0.0)
    package72592 (1.0.0)
    package72593 (1.0.0)
    package72594 (1.0.0)
    package72595 (1.0.0)
    package72596 (1.0.0)
    package72597 (1.0.0)
    package72598 (1.0.0)
    package72599 (1.0.0)
    package72600 (1.0.0)
    package72601 (1.0.0)
    package72602 (1.0.0)
    package72603 (1.0.0)
    package72604 (1.0.0)
    package72605 (1.0.0)
    package72606 (1.0.0)
    package72607 (1.0.0)
    package72608 (1.0.0)
    package72609 (1.0.0)
    package72610 (1.0.0)
    package72611 (1.0.0)
    package72612 (1.0.0)
    package72613 (1.0.0)
    package72614 (1.0.0)
    package72615 (1.0.0)
    package72616 (1.0.0)
    package72617 (1.0.0)
    package72618 (1.0.0)
    package72619 (1.0.0)
    package72620 (1.0.0)
    package72621 (1.0.0)
    package72622 (1.0.0)
    package72623 (1.0.0)
    package72624 (1.0.0)
    package72625 (1.0.0)
    package72626 (1.0.0)
    package72627 (1.0.0)
    package72628 (1.0.0)
    package72629 (1.0.0)
    package72630 (1.0.0)
    package72631 (1.0.0)
    package72632 (1.0.0)
    package72633 (1.0.0)
    package72634 (1.0.0)
    package72635 (1.0.0)
    package72636 (1.0.0)
    package72637 (1.0.0)
    package72638 (1.0.0)
    package72639 (1.0.0)
    package72640 (1.0.0)
    package72641 (1.0.0)
    package72642 (1.0.0)
    package72643 (1.0.0)
    package72644 (1.0.0)
    package72645 (1.0.0)
    package72646 (1.0.0)
    package72647 (1.0.0)
    package72648 (1.0.0)
    package72649 (1.0.0)
    package72650 (1.0.0)
    package72651 (1.0.0)
    package72652 (1.0.0)
    package72653 (1.0.0)
    package72654 (1.0.0)
    package72655 (1.0.0)
    package72656 (1.0.0)
    package72657 (1.0.0)
    package72658 (1.0.0)
    package72659 (1.0.0)
    package72660 (1.0.0)
    package72661 (1.0.0)
    package72662 (1.0.0)
    package72663 (1.0.0)
    package72664 (1.0.0)
    package72665 (1.0.0)
    package72666 (1.0.0)
    package72667 (1.0.0)
    package72668 (1.0.0)
    package72669 (1.0.0)
    package72670 (1.0.0)
    package72671 (1.0.0)
    package72672 (1.0.0)
    package72673 (1.0.0)
    package72674 (1.0.0)
    package72675 (1.0.0)
    package72676 (1.0.0)
    package72677 (1.0.0)
    package72678 (1.0.0)
    package72679 (1.0.0)
    package72680 (1.0.0)
    package72681 (1.0.0)
    package72682 (1.0.0)
    package72683 (1.0.0)
    package72684 (1.0.0)
    package72685 (1.0.0)
    package72686 (1.0.0)
    package72687 (1.0.0)
    package72688 (1.0.0)
    package72689 (1.0.0)
    package72690 (1.0.0)
    package72691 (1.0.0)
    package72692 (1.0.0)
    package72693 (1.0.0)
    package72694 (1.0.0)
    package72695 (1.0.0)
    package72696 (1.0.0)
    package72697 (1.0.0)
    package72698 (1.0.0)
    package72699 (1.0.0)
    package72700 (1.0.0)
    package72701 (1.0.0)
    package72702 (1.0.0)
    package72703 (1.0.0)
    package72704 (1.0.0)
    package72705 (1.0.0)
    package72706 (1.0.0)
    package72707 (1.0.0)
    package72708 (1.0.0)
    package72709 (1.0.0)
    package72710 (1.0.0)
    package72711 (1.0.0)
    package72712 (1.0.0)
    package72713 (1.0.0)
    package72714 (1.0.0)
    package72715 (1.0.0)
    package72716 (1.0.0)
    package72717 (1.0.0)
    package72718 (1.0.0)
    package72719 (1.0.0)
    package72720 (1.0.0)
    package72721 (1.0.0)
    package72722 (1.0.0)
    package72723 (1.0.0)
    package72724 (1.0.0)
    package72725 (1.0.0)
    package72726 (1.0.0)
    package72727 (1.0.0)
    package72728 (1.0.0)
    package72729 (1.0.0)
    package72730 (1.0.0)
    package72731 (1.0.0)
    package72732 (1.0.0)
    package72733 (1.0.0)
    package72734 (1.0.0)
    package72735 (1.0.0)
    package72736 (1.0.0)
    package72737 (1.0.0)
    package72738 (1.0.0)
    package72739 (1.0.0)
    package72740 (1.0.0)
    package72741 (1.0.0)
    package72742 (1.0.0)
    package72743 (1.0.0)
    package72744 (1.0.0)
    package72745 (1.0.0)
    package72746 (1.0.0)
    package72747 (1.0.0)
    package72748 (1.0.0)
    package72749 (1.0.0)
    package72750 (1.0.0)
    package72751 (1.0.0)
    package72752 (1.0.0)
    package72753 (1.0.0)
    package72754 (1.0.0)
    package72755 (1.0.0)
    package72756 (1.0.0)
    package72757 (1.0.0)
    package72758 (1.0.0)
    package72759 (1.0.0)
    package72760 (1.0.0)
    package72761 (1.0.0)
    package72762 (1.0.0)
    package72763 (1.0.0)
    package72764 (1.0.0)
    package72765 (1.0.0)
    package72766 (1.0.0)
    package72767 (1.0.0)
    package72768 (1.0.0)
    package72769 (1.0.0)
    package72770 (1.0.0)
    package72771 (1.0.0)
    package72772 (1.0.0)
    package72773 (1.0.0)
    package72774 (1.0.0)
    package72775 (1.0.0)
    package72776 (1.0.0)
    package72777 (1.0.0)
    package72778 (1.0.0)
    package72779 (1.0.0)
    package72780 (1.0.0)
    package72781 (1.0.0)
    package72782 (1.0.0)
    package72783 (1.0.0)
    package72784 (1.0.0)
    package72785 (1.0.0)
    package72786 (1.0.0)
    package72787 (1.0.0)
    package72788 (1.0.0)
    package72789 (1.0.0)
    package72790 (1.0.0)
    package72791 (1.0.0)
    package72792 (1.0.0)
    package72793 (1.0.0)
    package72794 (1.0.0)
    package72795 (1.0.0)
    package72796 (1.0.0)
    package72797 (1.0.0)
    package72798 (1.0.0)
    package72799 (1.0.0)
    package72800 (1.0.0)
    package72801 (1.0.0)
    package72802 (1.0.0)
    package72803 (1.0.0)
    package72804 (1.0.0)
    package72805 (1.0.0)
    package72806 (1.0.0)
    package72807 (1.0.0)
    package72808 (1.0.0)
    package72809 (1.0.0)
    package72810 (1.0.0)
    package72811 (1.0.0)
    package72812 (1.0.0)
    package72813 (1.0.0)
    package72814 (1.0.0)
    package72815 (1.0.0)
    package72816 (1.0.0)
    package72817 (1.0.0)
    package72818 (1.0.0)
    package72819 (1.0.0)
    package72820 (1.0.0)
    package72821 (1.0.0)
    package72822 (1.0.0)
    package72823 (1.0.0)
    package72824 (1.0.0)
    package72825 (1.0.0)
    package72826 (1.0.0)
    package72827 (1.0.0)
    package72828 (1.0.0)
    package72829 (1.0.0)
    package72830 (1.0.0)
    package72831 (1.0.0)
    package72832 (1.0.0)
    package72833 (1.0.0)
    package72834 (1.0.0)
    package72835 (1.0.0)
    package72836 (1.0.0)
    package72837 (1.0.0)
    package72838 (1.0.0)
    package72839 (1.0.0)
    package72840 (1.0.0)
    package72841 (1.0.0)
    package72842 (1.0.0)
    package72843 (1.0.0)
    package72844 (1.0.0)
    package72845 (1.0.0)
    package72846 (1.0.0)
    package72847 (1.0.0)
    package72848 (1.0.0)
    package72849 (1.0.0)
    package72850 (1.0.0)
    package72851 (1.0.0)
    package72852 (1.0.0)
    package72853 (1.0.0)
    package72854 (1.0.0)
    package72855 (1.0.0)
    package72856 (1.0.0)
    package72857 (1.0.0)
    package72858 (1.0.0)
    package72859 (1.0.0)
    package72860 (1.0.0)
    package72861 (1.0.0)
    package72862 (1.0.0)
    package72863 (1.0.0)
    package72864 (1.0.0)
    package72865 (1.0.0)
    package72866 (1.0.0)
    package72867 (1.0.0)
    package72868 (1.0.0)
    package72869 (1.0.0)
    package72870 (1.0.0)
    package72871 (1.0.0)
    package72872 (1.0.0)
    package72873 (1.0.0)
    package72874 (1.0.0)
    package72875 (1.0.0)
    package72876 (1.0.0)
    package72877 (1.0.0)
    package72878 (1.0.0)
    package72879 (1.0.0)
    package72880 (1.0.0)
    package72881 (1.0.0)
    package72882 (1.0.0)
    package72883 (1.0.0)
    package72884 (1.0.0)
    package72885 (1.0.0)
    package72886 (1.0.0)
    package72887 (1.0.0)
    package72888 (1.0.0)
    package72889 (1.0.0)
    package72890 (1.0.0)
    package72891 (1.0.0)
    package72892 (1.0.0)
    package72893 (1.0.0)
    package72894 (1.0.0)
    package72895 (1.0.0)
    package72896 (1.0.0)
    package72897 (1.0.0)
    package72898 (1.0.0)
    package72899 (1.0.0)
    package72900 (1.0.0)
    package72901 (1.0.0)
    package72902 (1.0.0)
    package72903 (1.0.0)
    package72904 (1.0.0)
    package72905 (1.0.0)
    package72906 (1.0.0)
    package72907 (1.0.0)
    package72908 (1.0.0)
    package72909 (1.0.0)
    package72910 (1.0.0)
    package72911 (1.0.0)
    package72912 (1.0.0)
    package72913 (1.0.0)
    package72914 (1.0.0)
    package72915 (1.0.0)
    package72916 (1.0.0)
    package72917 (1.0.0)
    package72918 (1.0.0)
    package72919 (1.0.0)
    package72920 (1.0.0)
    package72921 (1.0.0)
    package72922 (1.0.0)
    package72923 (1.0.0)
    package72924 (1.0.0)
    package72925 (1.0.0)
    package72926 (1.0.0)
    package72927 (1.0.0)
    package72928 (1.0.0)
    package72929 (1.0.0)
    package72930 (1.0.0)
    package72931 (1.0.0)
    package72932 (1.0.0)
    package72933 (1.0.0)
    package72934 (1.0.0)
    package72935 (1.0.0)
    package72936 (1.0.0)
    package72937 (1.0.0)
    package72938 (1.0.0)
    package72939 (1.0.0)
    package72940 (1.0.0)
    package72941 (1.0.0)
    package72942 (1.0.0)
    package72943 (1.0.0)
    package72944 (1.0.0)
    package72945 (1.0.0)
    package72946 (1.0.0)
    package72947 (1.0.0)
    package72948 (1.0.0)
    package72949 (1.0.0)
    package72950 (1.0.0)
    package72951 (1.0.0)
    package72952 (1.0.0)
    package72953 (1.0.0)
    package72954 (1.0.0)
    package72955 (1.0.0)
    package72956 (1.0.0)
    package72957 (1.0.0)
    package72958 (1.0.0)
    package72959 (1.0.0)
    package72960 (1.0.0)
    package72961 (1.0.0)
    package72962 (1.0.0)
    package72963 (1.0.0)
    package72964 (1.0.0)
    package72965 (1.0.0)
    package72966 (1.0.0)
    package72967 (1.0.0)
    package72968 (1.0.0)
    package72969 (1.0.0)
    package72970 (1.0.0)
    package72971 (1.0.0)
    package72972 (1.0.0)
    package72973 (1.0.0)
    package72974 (1.0.0)
    package72975 (1.0.0)
    package72976 (1.0.0)
    package72977 (1.0.0)
    package72978 (1.0.0)
    package72979 (1.0.0)
    package72980 (1.0.0)
    package72981 (1.0.0)
    package72982 (1.0.0)
    package72983 (1.0.0)
    package72984 (1.0.0)
    package72985 (1.0.0)
    package72986 (1.0.0)
    package72987 (1.0.0)
    package72988 (1.0.0)
    package72989 (1.0.0)
    package72990 (1.0.0)
    package72991 (1.0.0)
    package72992 (1.0.0)
    package72993 (1.0.0)
    package72994 (1.0.0)
    package72995 (1.0.0)
    package72996 (1.0.0)
    package72997 (1.0.0)
    package72998 (1.0.0)
    package72999 (1.0.0)
    package73000 (1.0.0)
    package73001 (1.0.0)
    package73002 (1.0.0)
    package73003 (1.0.0)
    package73004 (1.0.0)
    package73005 (1.0.0)
    package73006 (1.0.0)
    package73007 (1.0.0)
    package73008 (1.0.0)
    package73009 (1.0.0)
    package73010 (1.0.0)
    package73011 (1.0.0)
    package73012 (1.0.0)
    package73013 (1.0.0)
    package73014 (1.0.0)
    package73015 (1.0.0)
    package73016 (1.0.0)
    package73017 (1.0.0)
    package73018 (1.0.0)
    package73019 (1.0.0)
    package73020 (1.0.0)
    package73021 (1.0.0)
    package73022 (1.0.0)
    package73023 (1.0.0)
    package73024 (1.0.0)
    package73025 (1.0.0)
    package73026 (1.0.0)
    package73027 (1.0.0)
    package73028 (1.0.0)
    package73029 (1.0.0)
    package73030 (1.0.0)
    package73031 (1.0.0)
    package73032 (1.0.0)
    package73033 (1.0.0)
    package73034 (1.0.0)
    package73035 (1.0.0)
    package73036 (1.0.0)
    package73037 (1.0.0)
    package73038 (1.0.0)
    package73039 (1.0.0)
    package73040 (1.0.0)
    package73041 (1.0.0)
    package73042 (1.0.0)
    package73043 (1.0.0)
    package73044 (1.0.0)
    package73045 (1.0.0)
    package73046 (1.0.0)
    package73047 (1.0.0)
    package73048 (1.0.0)
    package73049 (1.0.0)
    package73050 (1.0.0)
    package73051 (1.0.0)
    package73052 (1.0.0)
    package73053 (1.0.0)
    package73054 (1.0.0)
    package73055 (1.0.0)
    package73056 (1.0.0)
    package73057 (1.0.0)
    package73058 (1.0.0)
    package73059 (1.0.0)
    package73060 (1.0.0)
    package73061 (1.0.0)
    package73062 (1.0.0)
    package73063 (1.0.0)
    package73064 (1.0.0)
    package73065 (1.0.0)
    package73066 (1.0.0)
    package73067 (1.0.0)
    package73068 (1.0.0)
    package73069 (1.0.0)
    package73070 (1.0.0)
    package73071 (1.0.0)
    package73072 (1.0.0)
    package73073 (1.0.0)
    package73074 (1.0.0)
    package73075 (1.0.0)
    package73076 (1.0.0)
    package73077 (1.0.0)
    package73078 (1.0.0)
    package73079 (1.0.0)
    package73080 (1.0.0)
    package73081 (1.0.0)
    package73082 (1.0.0)
    package73083 (1.0.0)
    package73084 (1.0.0)
    package73085 (1.0.0)
    package73086 (1.0.0)
    package73087 (1.0.0)
    package73088 (1.0.0)
    package73089 (1.0.0)
    package73090 (1.0.0)
    package73091 (1.0.0)
    package73092 (1.0.0)
    package73093 (1.0.0)
    package73094 (1.0.0)
    package73095 (1.0.0)
    package73096 (1.0.0)
    package73097 (1.0.0)
    package73098 (1.0.0)
    package73099 (1.0.0)
    package73100 (1.0.0)
    package73101 (1.0.0)
    package73102 (1.0.0)
    package73103 (1.0.0)
    package73104 (1.0.0)
    package73105 (1.0.0)
    package73106 (1.0.0)
    package73107 (1.0.0)
    package73108 (1.0.0)
    package73109 (1.0.0)
    package73110 (1.0.0)
    package73111 (1.0.0)
    package73112 (1.0.0)
    package73113 (1.0.0)
    package73114 (1.0.0)
    package73115 (1.0.0)
    package73116 (1.0.0)
    package73117 (1.0.0)
    package73118 (1.0.0)
    package73119 (1.0.0)
    package73120 (1.0.0)
    package73121 (1.0.0)
    package73122 (1.0.0)
    package73123 (1.0.0)
    package73124 (1.0.0)
    package73125 (1.0.0)
    package73126 (1.0.0)
    package73127 (1.0.0)
    package73128 (1.0.0)
    package73129 (1.0.0)
    package73130 (1.0.0)
    package73131 (1.0.0)
    package73132 (1.0.0)
    package73133 (1.0.0)
    package73134 (1.0.0)
    package73135 (1.0.0)
    package73136 (1.0.0)
    package73137 (1.0.0)
    package73138 (1.0.0)
    package73139 (1.0.0)
    package73140 (1.0.0)
    package73141 (1.0.0)
    package73142 (1.0.0)
    package73143 (1.0.0)
    package73144 (1.0.0)
    package73145 (1.0.0)
    package73146 (1.0.0)
    package73147 (1.0.0)
    package73148 (1.0.0)
    package73149 (1.0.0)
    package73150 (1.0.0)
    package73151 (1.0.0)
    package73152 (1.0.0)
    package73153 (1.0.0)
    package73154 (1.0.0)
    package73155 (1.0.0)
    package73156 (1.0.0)
    package73157 (1.0.0)
    package73158 (1.0.0)
    package73159 (1.0.0)
    package73160 (1.0.0)
    package73161 (1.0.0)
    package73162 (1.0.0)
    package73163 (1.0.0)
    package73164 (1.0.0)
    package73165 (1.0.0)
    package73166 (1.0.0)
    package73167 (1.0.0)
    package73168 (1.0.0)
    package73169 (1.0.0)
    package73170 (1.0.0)
    package73171 (1.0.0)
    package73172 (1.0.0)
    package73173 (1.0.0)
    package73174 (1.0.0)
    package73175 (1.0.0)
    package73176 (1.0.0)
    package73177 (1.0.0)
    package73178 (1.0.0)
    package73179 (1.0.0)
    package73180 (1.0.0)
    package73181 (1.0.0)
    package73182 (1.0.0)
    package73183 (1.0.0)
    package73184 (1.0.0)
    package73185 (1.0.0)
    package73186 (1.0.0)
    package73187 (1.0.0)
    package73188 (1.0.0)
    package73189 (1.0.0)
    package73190 (1.0.0)
    package73191 (1.0.0)
    package73192 (1.0.0)
    package73193 (1.0.0)
    package73194 (1.0.0)
    package73195 (1.0.0)
    package73196 (1.0.0)
    package73197 (1.0.0)
    package73198 (1.0.0)
    package73199 (1.0.0)
    package73200 (1.0.0)
    package73201 (1.0.0)
    package73202 (1.0.0)
    package73203 (1.0.0)
    package73204 (1.0.0)
    package73205 (1.0.0)
    package73206 (1.0.0)
    package73207 (1.0.0)
    package73208 (1.0.0)
    package73209 (1.0.0)
    package73210 (1.0.0)
    package73211 (1.0.0)
    package73212 (1.0.0)
    package73213 (1.0.0)
    package73214 (1.0.0)
    package73215 (1.0.0)
    package73216 (1.0.0)
    package73217 (1.0.0)
    package73218 (1.0.0)
    package73219 (1.0.0)
    package73220 (1.0.0)
    package73221 (1.0.0)
    package73222 (1.0.0)
    package73223 (1.0.0)
    package73224 (1.0.0)
    package73225 (1.0.0)
    package73226 (1.0.0)
    package73227 (1.0.0)
    package73228 (1.0.0)
    package73229 (1.0.0)
    package73230 (1.0.0)
    package73231 (1.0.0)
    package73232 (1.0.0)
    package73233 (1.0.0)
    package73234 (1.0.0)
    package73235 (1.0.0)
    package73236 (1.0.0)
    package73237 (1.0.0)
    package73238 (1.0.0)
    package73239 (1.0.0)
    package73240 (1.0.0)
    package73241 (1.0.0)
    package73242 (1.0.0)
    package73243 (1.0.0)
    package73244 (1.0.0)
    package73245 (1.0.0)
    package73246 (1.0.0)
    package73247 (1.0.0)
    package73248 (1.0.0)
    package73249 (1.0.0)
    package73250 (1.0.0)
    package73251 (1.0.0)
    package73252 (1.0.0)
    package73253 (1.0.0)
    package73254 (1.0.0)
    package73255 (1.0.0)
    package73256 (1.0.0)
    package73257 (1.0.0)
    package73258 (1.0.0)
    package73259 (1.0.0)
    package73260 (1.0.0)
    package73261 (1.0.0)
    package73262 (1.0.0)
    package73263 (1.0.0)
    package73264 (1.0.0)
    package73265 (1.0.0)
    package73266 (1.0.0)
    package73267 (1.0.0)
    package73268 (1.0.0)
    package73269 (1.0.0)
    package73270 (1.0.0)
    package73271 (1.0.0)
    package73272 (1.0.0)
    package73273 (1.0.0)
    package73274 (1.0.0)
    package73275 (1.0.0)
    package73276 (1.0.0)
    package73277 (1.0.0)
    package73278 (1.0.0)
    package73279 (1.0.0)
    package73280 (1.0.0)
    package73281 (1.0.0)
    package73282 (1.0.0)
    package73283 (1.0.0)
    package73284 (1.0.0)
    package73285 (1.0.0)
    package73286 (1.0.0)
    package73287 (1.0.0)
    package73288 (1.0.0)
    package73289 (1.0.0)
    package73290 (1.0.0)
    package73291 (1.0.0)
    package73292 (1.0.0)
    package73293 (1.0.0)
    package73294 (1.0.0)
    package73295 (1.0.0)
    package73296 (1.0.0)
    package73297 (1.0.0)
    package73298 (1.0.0)
    package73299 (1.0.0)
    package73300 (1.0.0)
    package73301 (1.0.0)
    package73302 (1.0.0)
    package73303 (1.0.0)
    package73304 (1.0.0)
    package73305 (1.0.0)
    package73306 (1.0.0)
    package73307 (1.0.0)
    package73308 (1.0.0)
    package73309 (1.0.0)
    package73310 (1.0.0)
    package73311 (1.0.0)
    package73312 (1.0.0)
    package73313 (1.0.0)
    package73314 (1.0.0)
    package73315 (1.0.0)
    package73316 (1.0.0)
    package73317 (1.0.0)
    package73318 (1.0.0)
    package73319 (1.0.0)
    package73320 (1.0.0)
    package73321 (1.0.0)
    package73322 (1.0.0)
    package73323 (1.0.0)
    package73324 (1.0.0)
    package73325 (1.0.0)
    package73326 (1.0.0)
    package73327 (1.0.0)
    package73328 (1.0.0)
    package73329 (1.0.0)
    package73330 (1.0.0)
    package73331 (1.0.0)
    package73332 (1.0.0)
    package73333 (1.0.0)
    package73334 (1.0.0)
    package73335 (1.0.0)
    package73336 (1.0.0)
    package73337 (1.0.0)
    package73338 (1.0.0)
    package73339 (1.0.0)
    package73340 (1.0.0)
    package73341 (1.0.0)
    package73342 (1.0.0)
    package73343 (1.0.0)
    package73344 (1.0.0)
    package73345 (1.0.0)
    package73346 (1.0.0)
    package73347 (1.0.0)
    package73348 (1.0.0)
    package73349 (1.0.0)
    package73350 (1.0.0)
    package73351 (1.0.0)
    package73352 (1.0.0)
    package73353 (1.0.0)
    package73354 (1.0.0)
    package73355 (1.0.0)
    package73356 (1.0.0)
    package73357 (1.0.0)
    package73358 (1.0.0)
    package73359 (1.0.0)
    package73360 (1.0.0)
    package73361 (1.0.0)
    package73362 (1.0.0)
    package73363 (1.0.0)
    package73364 (1.0.0)
    package73365 (1.0.0)
    package73366 (1.0.0)
    package73367 (1.0.0)
    package73368 (1.0.0)
    package73369 (1.0.0)
    package73370 (1.0.0)
    package73371 (1.0.0)
    package73372 (1.0.0)
    package73373 (1.0.0)
    package73374 (1.0.0)
    package73375 (1.0.0)
    package73376 (1.0.0)
    package73377 (1.0.0)
    package73378 (1.0.0)
    package73379 (1.0.0)
    package73380 (1.0.0)
    package73381 (1.0.0)
    package73382 (1.0.0)
    package73383 (1.0.0)
    package73384 (1.0.0)
    package73385 (1.0.0)
    package73386 (1.0.0)
    package73387 (1.0.0)
    package73388 (1.0.0)
    package73389 (1.0.0)
    package73390 (1.0.0)
    package73391 (1.0.0)
    package73392 (1.0.0)
    package73393 (1.0.0)
    package73394 (1.0.0)
    package73395 (1.0.0)
    package73396 (1.0.0)
    package73397 (1.0.0)
    package73398 (1.0.0)
    package73399 (1.0.0)
    package73400 (1.0.0)
    package73401 (1.0.0)
    package73402 (1.0.0)
    package73403 (1.0.0)
    package73404 (1.0.0)
    package73405 (1.0.0)
    package73406 (1.0.0)
    package73407 (1.0.0)
    package73408 (1.0.0)
    package73409 (1.0.0)
    package73410 (1.0.0)
    package73411 (1.0.0)
    package73412 (1.0.0)
    package73413 (1.0.0)
    package73414 (1.0.0)
    package73415 (1.0.0)
    package73416 (1.0.0)
    package73417 (1.0.0)
    package73418 (1.0.0)
    package73419 (1.0.0)
    package73420 (1.0.0)
    package73421 (1.0.0)
    package73422 (1.0.0)
    package73423 (1.0.0)
    package73424 (1.0.0)
    package73425 (1.0.0)
    package73426 (1.0.0)
    package73427 (1.0.0)
    package73428 (1.0.0)
    package73429 (1.0.0)
    package73430 (1.0.0)
    package73431 (1.0.0)
    package73432 (1.0.0)
    package73433 (1.0.0)
    package73434 (1.0.0)
    package73435 (1.0.0)
    package73436 (1.0.0)
    package73437 (1.0.0)
    package73438 (1.0.0)
    package73439 (1.0.0)
    package73440 (1.0.0)
    package73441 (1.0.0)
    package73442 (1.0.0)
    package73443 (1.0.0)
    package73444 (1.0.0)
    package73445 (1.0.0)
    package73446 (1.0.0)
    package73447 (1.0.0)
    package73448 (1.0.0)
    package73449 (1.0.0)
    package73450 (1.0.0)
    package73451 (1.0.0)
    package73452 (1.0.0)
    package73453 (1.0.0)
    package73454 (1.0.0)
    package73455 (1.0.0)
    package73456 (1.0.0)
    package73457 (1.0.0)
    package73458 (1.0.0)
    package73459 (1.0.0)
    package73460 (1.0.0)
    package73461 (1.0.0)
    package73462 (1.0.0)
    package73463 (1.0.0)
    package73464 (1.0.0)
    package73465 (1.0.0)
    package73466 (1.0.0)
    package73467 (1.0.0)
    package73468 (1.0.0)
    package73469 (1.0.0)
    package73470 (1.0.0)
    package73471 (1.0.0)
    package73472 (1.0.0)
    package73473 (1.0.0)
    package73474 (1.0.0)
    package73475 (1.0.0)
    package73476 (1.0.0)
    package73477 (1.0.0)
    package73478 (1.0.0)
    package73479 (1.0.0)
    package73480 (1.0.0)
    package73481 (1.0.0)
    package73482 (1.0.0)
    package73483 (1.0.0)
    package73484 (1.0.0)
    package73485 (1.0.0)
    package73486 (1.0.0)
    package73487 (1.0.0)
    package73488 (1.0.0)
    package73489 (1.0.0)
    package73490 (1.0.0)
    package73491 (1.0.0)
    package73492 (1.0.0)
    package73493 (1.0.0)
    package73494 (1.0.0)
    package73495 (1.0.0)
    package73496 (1.0.0)
    package73497 (1.0.0)
    package73498 (1.0.0)
    package73499 (1.0.0)
    package73500 (1.0.0)
    package73501 (1.0.0)
    package73502 (1.0.0)
    package73503 (1.0.0)
    package73504 (1.0.0)
    package73505 (1.0.0)
    package73506 (1.0.0)
    package73507 (1.0.0)
    package73508 (1.0.0)
    package73509 (1.0.0)
    package73510 (1.0.0)
    package73511 (1.0.0)
    package73512 (1.0.0)
    package73513 (1.0.0)
    package73514 (1.0.0)
    package73515 (1.0.0)
    package73516 (1.0.0)
    package73517 (1.0.0)
    package73518 (1.0.0)
    package73519 (1.0.0)
    package73520 (1.0.0)
    package73521 (1.0.0)
    package73522 (1.0.0)
    package73523 (1.0.0)
    package73524 (1.0.0)
    package73525 (1.0.0)
    package73526 (1.0.0)
    package73527 (1.0.0)
    package73528 (1.0.0)
    package73529 (1.0.0)
    package73530 (1.0.0)
    package73531 (1.0.0)
    package73532 (1.0.0)
    package73533 (1.0.0)
    package73534 (1.0.0)
    package73535 (1.0.0)
    package73536 (1.0.0)
    package73537 (1.0.0)
    package73538 (1.0.0)
    package73539 (1.0.0)
    package73540 (1.0.0)
    package73541 (1.0.0)
    package73542 (1.0.0)
    package73543 (1.0.0)
    package73544 (1.0.0)
    package73545 (1.0.0)
    package73546 (1.0.0)
    package73547 (1.0.0)
    package73548 (1.0.0)
    package73549 (1.0.0)
    package73550 (1.0.0)
    package73551 (1.0.0)
    package73552 (1.0.0)
    package73553 (1.0.0)
    package73554 (1.0.0)
    package73555 (1.0.0)
    package73556 (1.0.0)
    package73557 (1.0.0)
    package73558 (1.0.0)
    package73559 (1.0.0)
    package73560 (1.0.0)
    package73561 (1.0.0)
    package73562 (1.0.0)
    package73563 (1.0.0)
    package73564 (1.0.0)
    package73565 (1.0.0)
    package73566 (1.0.0)
    package73567 (1.0.0)
    package73568 (1.0.0)
    package73569 (1.0.0)
    package73570 (1.0.0)
    package73571 (1.0.0)
    package73572 (1.0.0)
    package73573 (1.0.0)
    package73574 (1.0.0)
    package73575 (1.0.0)
    package73576 (1.0.0)
    package73577 (1.0.0)
    package73578 (1.0.0)
    package73579 (1.0.0)
    package73580 (1.0.0)
    package73581 (1.0.0)
    package73582 (1.0.0)
    package73583 (1.0.0)
    package73584 (1.0.0)
    package73585 (1.0.0)
    package73586 (1.0.0)
    package73587 (1.0.0)
    package73588 (1.0.0)
    package73589 (1.0.0)
    package73590 (1.0.0)
    package73591 (1.0.0)
    package73592 (1.0.0)
    package73593 (1.0.0)
    package73594 (1.0.0)
    package73595 (1.0.0)
    package73596 (1.0.0)
    package73597 (1.0.0)
    package73598 (1.0.0)
    package73599 (1.0.0)
    package73600 (1.0.0)
    package73601 (1.0.0)
    package73602 (1.0.0)
    package73603 (1.0.0)
    package73604 (1.0.0)
    package73605 (1.0.0)
    package73606 (1.0.0)
    package73607 (1.0.0)
    package73608 (1.0.0)
    package73609 (1.0.0)
    package73610 (1.0.0)
    package73611 (1.0.0)
    package73612 (1.0.0)
    package73613 (1.0.0)
    package73614 (1.0.0)
    package73615 (1.0.0)
    package73616 (1.0.0)
    package73617 (1.0.0)
    package73618 (1.0.0)
    package73619 (1.0.0)
    package73620 (1.0.0)
    package73621 (1.0.0)
    package73622 (1.0.0)
    package73623 (1.0.0)
    package73624 (1.0.0)
    package73625 (1.0.0)
    package73626 (1.0.0)
    package73627 (1.0.0)
    package73628 (1.0.0)
    package73629 (1.0.0)
    package73630 (1.0.0)
    package73631 (1.0.0)
    package73632 (1.0.0)
    package73633 (1.0.0)
    package73634 (1.0.0)
    package73635 (1.0.0)
    package73636 (1.0.0)
    package73637 (1.0.0)
    package73638 (1.0.0)
    package73639 (1.0.0)
    package73640 (1.0.0)
    package73641 (1.0.0)
    package73642 (1.0.0)
    package73643 (1.0.0)
    package73644 (1.0.0)
    package73645 (1.0.0)
    package73646 (1.0.0)
    package73647 (1.0.0)
    package73648 (1.0.0)
    package73649 (1.0.0)
    package73650 (1.0.0)
    package73651 (1.0.0)
    package73652 (1.0.0)
    package73653 (1.0.0)
    package73654 (1.0.0)
    package73655 (1.0.0)
    package73656 (1.0.0)
    package73657 (1.0.0)
    package73658 (1.0.0)
    package73659 (1.0.0)
    package73660 (1.0.0)
    package73661 (1.0.0)
    package73662 (1.0.0)
    package73663 (1.0.0)
    package73664 (1.0.0)
    package73665 (1.0.0)
    package73666 (1.0.0)
    package73667 (1.0.0)
    package73668 (1.0.0)
    package73669 (1.0.0)
    package73670 (1.0.0)
    package73671 (1.0.0)
    package73672 (1.0.0)
    package73673 (1.0.0)
    package73674 (1.0.0)
    package73675 (1.0.0)
    package73676 (1.0.0)
    package73677 (1.0.0)
    package73678 (1.0.0)
    package73679 (1.0.0)
    package73680 (1.0.0)
    package73681 (1.0.0)
    package73682 (1.0.0)
    package73683 (1.0.0)
    package73684 (1.0.0)
    package73685 (1.0.0)
    package73686 (1.0.0)
    package73687 (1.0.0)
    package73688 (1.0.0)
    package73689 (1.0.0)
    package73690 (1.0.0)
    package73691 (1.0.0)
    package73692 (1.0.0)
    package73693 (1.0.0)
    package73694 (1.0.0)
    package73695 (1.0.0)
    package73696 (1.0.0)
    package73697 (1.0.0)
    package73698 (1.0.0)
    package73699 (1.0.0)
    package73700 (1.0.0)
    package73701 (1.0.0)
    package73702 (1.0.0)
    package73703 (1.0.0)
    package73704 (1.0.0)
    package73705 (1.0.0)
    package73706 (1.0.0)
    package73707 (1.0.0)
    package73708 (1.0.0)
    package73709 (1.0.0)
    package73710 (1.0.0)
    package73711 (1.0.0)
    package73712 (1.0.0)
    package73713 (1.0.0)
    package73714 (1.0.0)
    package73715 (1.0.0)
    package73716 (1.0.0)
    package73717 (1.0.0)
    package73718 (1.0.0)
    package73719 (1.0.0)
    package73720 (1.0.0)
    package73721 (1.0.0)
    package73722 (1.0.0)
    package73723 (1.0.0)
    package73724 (1.0.0)
    package73725 (1.0.0)
    package73726 (1.0.0)
    package73727 (1.0.0)
    package73728 (1.0.0)
    package73729 (1.0.0)
    package73730 (1.0.0)
    package73731 (1.0.0)
    package73732 (1.0.0)
    package73733 (1.0.0)
    package73734 (1.0.0)
    package73735 (1.0.0)
    package73736 (1.0.0)
    package73737 (1.0.0)
    package73738 (1.0.0)
    package73739 (1.0.0)
    package73740 (1.0.0)
    package73741 (1.0.0)
    package73742 (1.0.0)
    package73743 (1.0.0)
    package73744 (1.0.0)
    package73745 (1.0.0)
    package73746 (1.0.0)
    package73747 (1.0.0)
    package73748 (1.0.0)
    package73749 (1.0.0)
    package73750 (1.0.0)
    package73751 (1.0.0)
    package73752 (1.0.0)
    package73753 (1.0.0)
    package73754 (1.0.0)
    package73755 (1.0.0)
    package73756 (1.0.0)
    package73757 (1.0.0)
    package73758 (1.0.0)
    package73759 (1.0.0)
    package73760 (1.0.0)
    package73761 (1.0.0)
    package73762 (1.0.0)
    package73763 (1.0.0)
    package73764 (1.0.0)
    package73765 (1.0.0)
    package73766 (1.0.0)
    package73767 (1.0.0)
    package73768 (1.0.0)
    package73769 (1.0.0)
    package73770 (1.0.0)
    package73771 (1.0.0)
    package73772 (1.0.0)
    package73773 (1.0.0)
    package73774 (1.0.0)
    package73775 (1.0.0)
    package73776 (1.0.0)
    package73777 (1.0.0)
    package73778 (1.0.0)
    package73779 (1.0.0)
    package73780 (1.0.0)
    package73781 (1.0.0)
    package73782 (1.0.0)
    package73783 (1.0.0)
    package73784 (1.0.0)
    package73785 (1.0.0)
    package73786 (1.0.0)
    package73787 (1.0.0)
    package73788 (1.0.0)
    package73789 (1.0.0)
    package73790 (1.0.0)
    package73791 (1.0.0)
    package73792 (1.0.0)
    package73793 (1.0.0)
    package73794 (1.0.0)
    package73795 (1.0.0)
    package73796 (1.0.0)
    package73797 (1.0.0)
    package73798 (1.0.0)
    package73799 (1.0.0)
    package73800 (1.0.0)
    package73801 (1.0.0)
    package73802 (1.0.0)
    package73803 (1.0.0)
    package73804 (1.0.0)
    package73805 (1.0.0)
    package73806 (1.0.0)
    package73807 (1.0.0)
    package73808 (1.0.0)
    package73809 (1.0.0)
    package73810 (1.0.0)
    package73811 (1.0.0)
    package73812 (1.0.0)
    package73813 (1.0.0)
    package73814 (1.0.0)
    package73815 (1.0.0)
    package73816 (1.0.0)
    package73817 (1.0.0)
    package73818 (1.0.0)
    package73819 (1.0.0)
    package73820 (1.0.0)
    package73821 (1.0.0)
    package73822 (1.0.0)
    package73823 (1.0.0)
    package73824 (1.0.0)
    package73825 (1.0.0)
    package73826 (1.0.0)
    package73827 (1.0.0)
    package73828 (1.0.0)
    package73829 (1.0.0)
    package73830 (1.0.0)
    package73831 (1.0.0)
    package73832 (1.0.0)
    package73833 (1.0.0)
    package73834 (1.0.0)
    package73835 (1.0.0)
    package73836 (1.0.0)
    package73837 (1.0.0)
    package73838 (1.0.0)
    package73839 (1.0.0)
    package73840 (1.0.0)
    package73841 (1.0.0)
    package73842 (1.0.0)
    package73843 (1.0.0)
    package73844 (1.0.0)
    package73845 (1.0.0)
    package73846 (1.0.0)
    package73847 (1.0.0)
    package73848 (1.0.0)
    package73849 (1.0.0)
    package73850 (1.0.0)
    package73851 (1.0.0)
    package73852 (1.0.0)
    package73853 (1.0.0)
    package73854 (1.0.0)
    package73855 (1.0.0)
    package73856 (1.0.0)
    package73857 (1.0.0)
    package73858 (1.0.0)
    package73859 (1.0.0)
    package73860 (1.0.0)
    package73861 (1.0.0)
    package73862 (1.0.0)
    package73863 (1.0.0)
    package73864 (1.0.0)
    package73865 (1.0.0)
    package73866 (1.0.0)
    package73867 (1.0.0)
    package73868 (1.0.0)
    package73869 (1.0.0)
    package73870 (1.0.0)
    package73871 (1.0.0)
    package73872 (1.0.0)
    package73873 (1.0.0)
    package73874 (1.0.0)
    package73875 (1.0.0)
    package73876 (1.0.0)
    package73877 (1.0.0)
    package73878 (1.0.0)
    package73879 (1.0.0)
    package73880 (1.0.0)
    package73881 (1.0.0)
    package73882 (1.0.0)
    package73883 (1.0.0)
    package73884 (1.0.0)
    package73885 (1.0.0)
    package73886 (1.0.0)
    package73887 (1.0.0)
    package73888 (1.0.0)
    package73889 (1.0.0)
    package73890 (1.0.0)
    package73891 (1.0.0)
    package73892 (1.0.0)
    package73893 (1.0.0)
    package73894 (1.0.0)
    package73895 (1.0.0)
    package73896 (1.0.0)
    package73897 (1.0.0)
    package73898 (1.0.0)
    package73899 (1.0.0)
    package73900 (1.0.0)
    package73901 (1.0.0)
    package73902 (1.0.0)
    package73903 (1.0.0)
    package73904 (1.0.0)
    package73905 (1.0.0)
    package73906 (1.0.0)
    package73907 (1.0.0)
    package73908 (1.0.0)
    package73909 (1.0.0)
    package73910 (1.0.0)
    package73911 (1.0.0)
    package73912 (1.0.0)
    package73913 (1.0.0)
    package73914 (1.0.0)
    package73915 (1.0.0)
    package73916 (1.0.0)
    package73917 (1.0.0)
    package73918 (1.0.0)
    package73919 (1.0.0)
    package73920 (1.0.0)
    package73921 (1.0.0)
    package73922 (1.0.0)
    package73923 (1.0.0)
    package73924 (1.0.0)
    package73925 (1.0.0)
    package73926 (1.0.0)
    package73927 (1.0.0)
    package73928 (1.0.0)
    package73929 (1.0.0)
    package73930 (1.0.0)
    package73931 (1.0.0)
    package73932 (1.0.0)
    package73933 (1.0.0)
    package73934 (1.0.0)
    package73935 (1.0.0)
    package73936 (1.0.0)
    package73937 (1.0.0)
    package73938 (1.0.0)
    package73939 (1.0.0)
    package73940 (1.0.0)
    package73941 (1.0.0)
    package73942 (1.0.0)
    package73943 (1.0.0)
    package73944 (1.0.0)
    package73945 (1.0.0)
    package73946 (1.0.0)
    package73947 (1.0.0)
    package73948 (1.0.0)
    package73949 (1.0.0)
    package73950 (1.0.0)
    package73951 (1.0.0)
    package73952 (1.0.0)
    package73953 (1.0.0)
    package73954 (1.0.0)
    package73955 (1.0.0)
    package73956 (1.0.0)
    package73957 (1.0.0)
    package73958 (1.0.0)
    package73959 (1.0.0)
    package73960 (1.0.0)
    package73961 (1.0.0)
    package73962 (1.0.0)
    package73963 (1.0.0)
    package73964 (1.0.0)
    package73965 (1.0.0)
    package73966 (1.0.0)
    package73967 (1.0.0)
    package73968 (1.0.0)
    package73969 (1.0.0)
    package73970 (1.0.0)
    package73971 (1.0.0)
    package73972 (1.0.0)
    package73973 (1.0.0)
    package73974 (1.0.0)
    package73975 (1.0.0)
    package73976 (1.0.0)
    package73977 (1.0.0)
    package73978 (1.0.0)
    package73979 (1.0.0)
    package73980 (1.0.0)
    package73981 (1.0.0)
    package73982 (1.0.0)
    package73983 (1.0.0)
    package73984 (1.0.0)
    package73985 (1.0.0)
    package73986 (1.0.0)
    package73987 (1.0.0)
    package73988 (1.0.0)
    package73989 (1.0.0)
    package73990 (1.0.0)
    package73991 (1.0.0)
    package73992 (1.0.0)
    package73993 (1.0.0)
    package73994 (1.0.0)
    package73995 (1.0.0)
    package73996 (1.0.0)
    package73997 (1.0.0)
    package73998 (1.0.0)
    package73999 (1.0.0)
    package74000 (1.0.0)
    package74001 (1.0.0)
    package74002 (1.0.0)
    package74003 (1.0.0)
    package74004 (1.0.0)
    package74005 (1.0.0)
    package74006 (1.0.0)
    package74007 (1.0.0)
    package74008 (1.0.0)
    package74009 (1.0.0)
    package74010 (1.0.0)
    package74011 (1.0.0)
    package74012 (1.0.0)
    package74013 (1.0.0)
    package74014 (1.0.0)
    package74015 (1.0.0)
    package74016 (1.0.0)
    package74017 (1.0.0)
    package74018 (1.0.0)
    package74019 (1.0.0)
    package74020 (1.0.0)
    package74021 (1.0.0)
    package74022 (1.0.0)
    package74023 (1.0.0)
    package74024 (1.0.0)
    package74025 (1.0.0)
    package74026 (1.0.0)
    package74027 (1.0.0)
    package74028 (1.0.0)
    package74029 (1.0.0)
    package74030 (1.0.0)
    package74031 (1.0.0)
    package74032 (1.0.0)
    package74033 (1.0.0)
    package74034 (1.0.0)
    package74035 (1.0.0)
    package74036 (1.0.0)
    package74037 (1.0.0)
    package74038 (1.0.0)
    package74039 (1.0.0)
    package74040 (1.0.0)
    package74041 (1.0.0)
    package74042 (1.0.0)
    package74043 (1.0.0)
    package74044 (1.0.0)
    package74045 (1.0.0)
    package74046 (1.0.0)
    package74047 (1.0.0)
    package74048 (1.0.0)
    package74049 (1.0.0)
    package74050 (1.0.0)
    package74051 (1.0.0)
    package74052 (1.0.0)
    package74053 (1.0.0)
    package74054 (1.0.0)
    package74055 (1.0.0)
    package74056 (1.0.0)
    package74057 (1.0.0)
    package74058 (1.0.0)
    package74059 (1.0.0)
    package74060 (1.0.0)
    package74061 (1.0.0)
    package74062 (1.0.0)
    package74063 (1.0.0)
    package74064 (1.0.0)
    package74065 (1.0.0)
    package74066 (1.0.0)
    package74067 (1.0.0)
    package74068 (1.0.0)
    package74069 (1.0.0)
    package74070 (1.0.0)
    package74071 (1.0.0)
    package74072 (1.0.0)
    package74073 (1.0.0)
    package74074 (1.0.0)
    package74075 (1.0.0)
    package74076 (1.0.0)
    package74077 (1.0.0)
    package74078 (1.0.0)
    package74079 (1.0.0)
    package74080 (1.0.0)
    package74081 (1.0.0)
    package74082 (1.0.0)
    package74083 (1.0.0)
    package74084 (1.0.0)
    package74085 (1.0.0)
    package74086 (1.0.0)
    package74087 (1.0.0)
    package74088 (1.0.0)
    package74089 (1.0.0)
    package74090 (1.0.0)
    package74091 (1.0.0)
    package74092 (1.0.0)
    package74093 (1.0.0)
    package74094 (1.0.0)
    package74095 (1.0.0)
    package74096 (1.0.0)
    package74097 (1.0.0)
    package74098 (1.0.0)
    package74099 (1.0.0)
    package74100 (1.0.0)
    package74101 (1.0.0)
    package74102 (1.0.0)
    package74103 (1.0.0)
    package74104 (1.0.0)
    package74105 (1.0.0)
    package74106 (1.0.0)
    package74107 (1.0.0)
    package74108 (1.0.0)
    package74109 (1.0.0)
    package74110 (1.0.0)
    package74111 (1.0.0)
    package74112 (1.0.0)
    package74113 (1.0.0)
    package74114 (1.0.0)
    package74115 (1.0.0)
    package74116 (1.0.0)
    package74117 (1.0.0)
    package74118 (1.0.0)
    package74119 (1.0.0)
    package74120 (1.0.0)
    package74121 (1.0.0)
    package74122 (1.0.0)
    package74123 (1.0.0)
    package74124 (1.0.0)
    package74125 (1.0.0)
    package74126 (1.0.0)
    package74127 (1.0.0)
    package74128 (1.0.0)
    package74129 (1.0.0)
    package74130 (1.0.0)
    package74131 (1.0.0)
    package74132 (1.0.0)
    package74133 (1.0.0)
    package74134 (1.0.0)
    package74135 (1.0.0)
    package74136 (1.0.0)
    package74137 (1.0.0)
    package74138 (1.0.0)
    package74139 (1.0.0)
    package74140 (1.0.0)
    package74141 (1.0.0)
    package74142 (1.0.0)
    package74143 (1.0.0)
    package74144 (1.0.0)
    package74145 (1.0.0)
    package74146 (1.0.0)
    package74147 (1.0.0)
    package74148 (1.0.0)
    package74149 (1.0.0)
    package74150 (1.0.0)
    package74151 (1.0.0)
    package74152 (1.0.0)
    package74153 (1.0.0)
    package74154 (1.0.0)
    package74155 (1.0.0)
    package74156 (1.0.0)
    package74157 (1.0.0)
    package74158 (1.0.0)
    package74159 (1.0.0)
    package74160 (1.0.0)
    package74161 (1.0.0)
    package74162 (1.0.0)
    package74163 (1.0.0)
    package74164 (1.0.0)
    package74165 (1.0.0)
    package74166 (1.0.0)
    package74167 (1.0.0)
    package74168 (1.0.0)
    package74169 (1.0.0)
    package74170 (1.0.0)
    package74171 (1.0.0)
    package74172 (1.0.0)
    package74173 (1.0.0)
    package74174 (1.0.0)
    package74175 (1.0.0)
    package74176 (1.0.0)
    package74177 (1.0.0)
    package74178 (1.0.0)
    package74179 (1.0.0)
    package74180 (1.0.0)
    package74181 (1.0.0)
    package74182 (1.0.0)
    package74183 (1.0.0)
    package74184 (1.0.0)
    package74185 (1.0.0)
    package74186 (1.0.0)
    package74187 (1.0.0)
    package74188 (1.0.0)
    package74189 (1.0.0)
    package74190 (1.0.0)
    package74191 (1.0.0)
    package74192 (1.0.0)
    package74193 (1.0.0)
    package74194 (1.0.0)
    package74195 (1.0.0)
    package74196 (1.0.0)
    package74197 (1.0.0)
    package74198 (1.0.0)
    package74199 (1.0.0)
    package74200 (1.0.0)
    package74201 (1.0.0)
    package74202 (1.0.0)
    package74203 (1.0.0)
    package74204 (1.0.0)
    package74205 (1.0.0)
    package74206 (1.0.0)
    package74207 (1.0.0)
    package74208 (1.0.0)
    package74209 (1.0.0)
    package74210 (1.0.0)
    package74211 (1.0.0)
    package74212 (1.0.0)
    package74213 (1.0.0)
    package74214 (1.0.0)
    package74215 (1.0.0)
    package74216 (1.0.0)
    package74217 (1.0.0)
    package74218 (1.0.0)
    package74219 (1.0.0)
    package74220 (1.0.0)
    package74221 (1.0.0)
    package74222 (1.0.0)
    package74223 (1.0.0)
    package74224 (1.0.0)
    package74225 (1.0.0)
    package74226 (1.0.0)
    package74227 (1.0.0)
    package74228 (1.0.0)
    package74229 (1.0.0)
    package74230 (1.0.0)
    package74231 (1.0.0)
    package74232 (1.0.0)
    package74233 (1.0.0)
    package74234 (1.0.0)
    package74235 (1.0.0)
    package74236 (1.0.0)
    package74237 (1.0.0)
    package74238 (1.0.0)
    package74239 (1.0.0)
    package74240 (1.0.0)
    package74241 (1.0.0)
    package74242 (1.0.0)
    package74243 (1.0.0)
    package74244 (1.0.0)
    package74245 (1.0.0)
    package74246 (1.0.0)
    package74247 (1.0.0)
    package74248 (1.0.0)
    package74249 (1.0.0)
    package74250 (1.0.0)
    package74251 (1.0.0)
    package74252 (1.0.0)
    package74253 (1.0.0)
    package74254 (1.0.0)
    package74255 (1.0.0)
    package74256 (1.0.0)
    package74257 (1.0.0)
    package74258 (1.0.0)
    package74259 (1.0.0)
    package74260 (1.0.0)
    package74261 (1.0.0)
    package74262 (1.0.0)
    package74263 (1.0.0)
    package74264 (1.0.0)
    package74265 (1.0.0)
    package74266 (1.0.0)
    package74267 (1.0.0)
    package74268 (1.0.0)
    package74269 (1.0.0)
    package74270 (1.0.0)
    package74271 (1.0.0)
    package74272 (1.0.0)
    package74273 (1.0.0)
    package74274 (1.0.0)
    package74275 (1.0.0)
    package74276 (1.0.0)
    package74277 (1.0.0)
    package74278 (1.0.0)
    package74279 (1.0.0)
    package74280 (1.0.0)
    package74281 (1.0.0)
    package74282 (1.0.0)
    package74283 (1.0.0)
    package74284 (1.0.0)
    package74285 (1.0.0)
    package74286 (1.0.0)
    package74287 (1.0.0)
    package74288 (1.0.0)
    package74289 (1.0.0)
    package74290 (1.0.0)
    package74291 (1.0.0)
    package74292 (1.0.0)
    package74293 (1.0.0)
    package74294 (1.0.0)
    package74295 (1.0.0)
    package74296 (1.0.0)
    package74297 (1.0.0)
    package74298 (1.0.0)
    package74299 (1.0.0)
    package74300 (1.0.0)
    package74301 (1.0.0)
    package74302 (1.0.0)
    package74303 (1.0.0)
    package74304 (1.0.0)
    package74305 (1.0.0)
    package74306 (1.0.0)
    package74307 (1.0.0)
    package74308 (1.0.0)
    package74309 (1.0.0)
    package74310 (1.0.0)
    package74311 (1.0.0)
    package74312 (1.0.0)
    package74313 (1.0.0)
    package74314 (1.0.0)
    package74315 (1.0.0)
    package74316 (1.0.0)
    package74317 (1.0.0)
    package74318 (1.0.0)
    package74319 (1.0.0)
    package74320 (1.0.0)
    package74321 (1.0.0)
    package74322 (1.0.0)
    package74323 (1.0.0)
    package74324 (1.0.0)
    package74325 (1.0.0)
    package74326 (1.0.0)
    package74327 (1.0.0)
    package74328 (1.0.0)
    package74329 (1.0.0)
    package74330 (1.0.0)
    package74331 (1.0.0)
    package74332 (1.0.0)
    package74333 (1.0.0)
    package74334 (1.0.0)
    package74335 (1.0.0)
    package74336 (1.0.0)
    package74337 (1.0.0)
    package74338 (1.0.0)
    package74339 (1.0.0)
    package74340 (1.0.0)
    package74341 (1.0.0)
    package74342 (1.0.0)
    package74343 (1.0.0)
    package74344 (1.0.0)
    package74345 (1.0.0)
    package74346 (1.0.0)
    package74347 (1.0.0)
    package74348 (1.0.0)
    package74349 (1.0.0)
    package74350 (1.0.0)
    package74351 (1.0.0)
    package74352 (1.0.0)
    package74353 (1.0.0)
    package74354 (1.0.0)
    package74355 (1.0.0)
    package74356 (1.0.0)
    package74357 (1.0.0)
    package74358 (1.0.0)
    package74359 (1.0.0)
    package74360 (1.0.0)
    package74361 (1.0.0)
    package74362 (1.0.0)
    package74363 (1.0.0)
    package74364 (1.0.0)
    package74365 (1.0.0)
    package74366 (1.0.0)
    package74367 (1.0.0)
    package74368 (1.0.0)
    package74369 (1.0.0)
    package74370 (1.0.0)
    package74371 (1.0.0)
    package74372 (1.0.0)
    package74373 (1.0.0)
    package74374 (1.0.0)
    package74375 (1.0.0)
    package74376 (1.0.0)
    package74377 (1.0.0)
    package74378 (1.0.0)
    package74379 (1.0.0)
    package74380 (1.0.0)
    package74381 (1.0.0)
    package74382 (1.0.0)
    package74383 (1.0.0)
    package74384 (1.0.0)
    package74385 (1.0.0)
    package74386 (1.0.0)
    package74387 (1.0.0)
    package74388 (1.0.0)
    package74389 (1.0.0)
    package74390 (1.0.0)
    package74391 (1.0.0)
    package74392 (1.0.0)
    package74393 (1.0.0)
    package74394 (1.0.0)
    package74395 (1.0.0)
    package74396 (1.0.0)
    package74397 (1.0.0)
    package74398 (1.0.0)
    package74399 (1.0.0)
    package74400 (1.0.0)
    package74401 (1.0.0)
    package74402 (1.0.0)
    package74403 (1.0.0)
    package74404 (1.0.0)
    package74405 (1.0.0)
    package74406 (1.0.0)
    package74407 (1.0.0)
    package74408 (1.0.0)
    package74409 (1.0.0)
    package74410 (1.0.0)
    package74411 (1.0.0)
    package74412 (1.0.0)
    package74413 (1.0.0)
    package74414 (1.0.0)
    package74415 (1.0.0)
    package74416 (1.0.0)
    package74417 (1.0.0)
    package74418 (1.0.0)
    package74419 (1.0.0)
    package74420 (1.0.0)
    package74421 (1.0.0)
    package74422 (1.0.0)
    package74423 (1.0.0)
    package74424 (1.0.0)
    package74425 (1.0.0)
    package74426 (1.0.0)
    package74427 (1.0.0)
    package74428 (1.0.0)
    package74429 (1.0.0)
    package74430 (1.0.0)
    package74431 (1.0.0)
    package74432 (1.0.0)
    package74433 (1.0.0)
    package74434 (1.0.0)
    package74435 (1.0.0)
    package74436 (1.0.0)
    package74437 (1.0.0)
    package74438 (1.0.0)
    package74439 (1.0.0)
    package74440 (1.0.0)
    package74441 (1.0.0)
    package74442 (1.0.0)
    package74443 (1.0.0)
    package74444 (1.0.0)
    package74445 (1.0.0)
    package74446 (1.0.0)
    package74447 (1.0.0)
    package74448 (1.0.0)
    package74449 (1.0.0)
    package74450 (1.0.0)
    package74451 (1.0.0)
    package74452 (1.0.0)
    package74453 (1.0.0)
    package74454 (1.0.0)
    package74455 (1.0.0)
    package74456 (1.0.0)
    package74457 (1.0.0)
    package74458 (1.0.0)
    package74459 (1.0.0)
    package74460 (1.0.0)
    package74461 (1.0.0)
    package74462 (1.0.0)
    package74463 (1.0.0)
    package74464 (1.0.0)
    package74465 (1.0.0)
    package74466 (1.0.0)
    package74467 (1.0.0)
    package74468 (1.0.0)
    package74469 (1.0.0)
    package74470 (1.0.0)
    package74471 (1.0.0)
    package74472 (1.0.0)
    package74473 (1.0.0)
    package74474 (1.0.0)
    package74475 (1.0.0)
    package74476 (1.0.0)
    package74477 (1.0.0)
    package74478 (1.0.0)
    package74479 (1.0.0)
    package74480 (1.0.0)
    package74481 (1.0.0)
    package74482 (1.0.0)
    package74483 (1.0.0)
    package74484 (1.0.0)
    package74485 (1.0.0)
    package74486 (1.0.0)
    package74487 (1.0.0)
    package74488 (1.0.0)
    package74489 (1.0.0)
    package74490 (1.0.0)
    package74491 (1.0.0)
    package74492 (1.0.0)
    package74493 (1.0.0)
    package74494 (1.0.0)
    package74495 (1.0.0)
    package74496 (1.0.0)
    package74497 (1.0.0)
    package74498 (1.0.0)
    package74499 (1.0.0)
    package74500 (1.0.0)
    package74501 (1.0.0)
    package74502 (1.0.0)
    package74503 (1.0.0)
    package74504 (1.0.0)
    package74505 (1.0.0)
    package74506 (1.0.0)
    package74507 (1.0.0)
    package74508 (1.0.0)
    package74509 (1.0.0)
    package74510 (1.0.0)
    package74511 (1.0.0)
    package74512 (1.0.0)
    package74513 (1.0.0)
    package74514 (1.0.0)
    package74515 (1.0.0)
    package74516 (1.0.0)
    package74517 (1.0.0)
    package74518 (1.0.0)
    package74519 (1.0.0)
    package74520 (1.0.0)
    package74521 (1.0.0)
    package74522 (1.0.0)
    package74523 (1.0.0)
    package74524 (1.0.0)
    package74525 (1.0.0)
    package74526 (1.0.0)
    package74527 (1.0.0)
    package74528 (1.0.0)
    package74529 (1.0.0)
    package74530 (1.0.0)
    package74531 (1.0.0)
    package74532 (1.0.0)
    package74533 (1.0.0)
    package74534 (1.0.0)
    package74535 (1.0.0)
    package74536 (1.0.0)
    package74537 (1.0.0)
    package74538 (1.0.0)
    package74539 (1.0.0)
    package74540 (1.0.0)
    package74541 (1.0.0)
    package74542 (1.0.0)
    package74543 (1.0.0)
    package74544 (1.0.0)
    package74545 (1.0.0)
    package74546 (1.0.0)
    package74547 (1.0.0)
    package74548 (1.0.0)
    package74549 (1.0.0)
    package74550 (1.0.0)
    package74551 (1.0.0)
    package74552 (1.0.0)
    package74553 (1.0.0)
    package74554 (1.0.0)
    package74555 (1.0.0)
    package74556 (1.0.0)
    package74557 (1.0.0)
    package74558 (1.0.0)
    package74559 (1.0.0)
    package74560 (1.0.0)
    package74561 (1.0.0)
    package74562 (1.0.0)
    package74563 (1.0.0)
    package74564 (1.0.0)
    package74565 (1.0.0)
    package74566 (1.0.0)
    package74567 (1.0.0)
    package74568 (1.0.0)
    package74569 (1.0.0)
    package74570 (1.0.0)
    package74571 (1.0.0)
    package74572 (1.0.0)
    package74573 (1.0.0)
    package74574 (1.0.0)
    package74575 (1.0.0)
    package74576 (1.0.0)
    package74577 (1.0.0)
    package74578 (1.0.0)
    package74579 (1.0.0)
    package74580 (1.0.0)
    package74581 (1.0.0)
    package74582 (1.0.0)
    package74583 (1.0.0)
    package74584 (1.0.0)
    package74585 (1.0.0)
    package74586 (1.0.0)
    package74587 (1.0.0)
    package74588 (1.0.0)
    package74589 (1.0.0)
    package74590 (1.0.0)
    package74591 (1.0.0)
    package74592 (1.0.0)
    package74593 (1.0.0)
    package74594 (1.0.0)
    package74595 (1.0.0)
    package74596 (1.0.0)
    package74597 (1.0.0)
    package74598 (1.0.0)
    package74599 (1.0.0)
    package74600 (1.0.0)
    package74601 (1.0.0)
    package74602 (1.0.0)
    package74603 (1.0.0)
    package74604 (1.0.0)
    package74605 (1.0.0)
    package74606 (1.0.0)
    package74607 (1.0.0)
    package74608 (1.0.0)
    package74609 (1.0.0)
    package74610 (1.0.0)
    package74611 (1.0.0)
    package74612 (1.0.0)
    package74613 (1.0.0)
    package74614 (1.0.0)
    package74615 (1.0.0)
    package74616 (1.0.0)
    package74617 (1.0.0)
    package74618 (1.0.0)
    package74619 (1.0.0)
    package74620 (1.0.0)
    package74621 (1.0.0)
    package74622 (1.0.0)
    package74623 (1.0.0)
    package74624 (1.0.0)
    package74625 (1.0.0)
    package74626 (1.0.0)
    package74627 (1.0.0)
    package74628 (1.0.0)
    package74629 (1.0.0)
    package74630 (1.0.0)
    package74631 (1.0.0)
    package74632 (1.0.0)
    package74633 (1.0.0)
    package74634 (1.0.0)
    package74635 (1.0.0)
    package74636 (1.0.0)
    package74637 (1.0.0)
    package74638 (1.0.0)
    package74639 (1.0.0)
    package74640 (1.0.0)
    package74641 (1.0.0)
    package74642 (1.0.0)
    package74643 (1.0.0)
    package74644 (1.0.0)
    package74645 (1.0.0)
    package74646 (1.0.0)
    package74647 (1.0.0)
    package74648 (1.0.0)
    package74649 (1.0.0)
    package74650 (1.0.0)
    package74651 (1.0.0)
    package74652 (1.0.0)
    package74653 (1.0.0)
    package74654 (1.0.0)
    package74655 (1.0.0)
    package74656 (1.0.0)
    package74657 (1.0.0)
    package74658 (1.0.0)
    package74659 (1.0.0)
    package74660 (1.0.0)
    package74661 (1.0.0)
    package74662 (1.0.0)
    package74663 (1.0.0)
    package74664 (1.0.0)
    package74665 (1.0.0)
    package74666 (1.0.0)
    package74667 (1.0.0)
    package74668 (1.0.0)
    package74669 (1.0.0)
    package74670 (1.0.0)
    package74671 (1.0.0)
    package74672 (1.0.0)
    package74673 (1.0.0)
    package74674 (1.0.0)
    package74675 (1.0.0)
    package74676 (1.0.0)
    package74677 (1.0.0)
    package74678 (1.0.0)
    package74679 (1.0.0)
    package74680 (1.0.0)
    package74681 (1.0.0)
    package74682 (1.0.0)
    package74683 (1.0.0)
    package74684 (1.0.0)
    package74685 (1.0.0)
    package74686 (1.0.0)
    package74687 (1.0.0)
    package74688 (1.0.0)
    package74689 (1.0.0)
    package74690 (1.0.0)
    package74691 (1.0.0)
    package74692 (1.0.0)
    package74693 (1.0.0)
    package74694 (1.0.0)
    package74695 (1.0.0)
    package74696 (1.0.0)
    package74697 (1.0.0)
    package74698 (1.0.0)
    package74699 (1.0.0)
    package74700 (1.0.0)
    package74701 (1.0.0)
    package74702 (1.0.0)
    package74703 (1.0.0)
    package74704 (1.0.0)
    package74705 (1.0.0)
    package74706 (1.0.0)
    package74707 (1.0.0)
    package74708 (1.0.0)
    package74709 (1.0.0)
    package74710 (1.0.0)
    package74711 (1.0.0)
    package74712 (1.0.0)
    package74713 (1.0.0)
    package74714 (1.0.0)
    package74715 (1.0.0)
    package74716 (1.0.0)
    package74717 (1.0.0)
    package74718 (1.0.0)
    package74719 (1.0.0)
    package74720 (1.0.0)
    package74721 (1.0.0)
    package74722 (1.0.0)
    package74723 (1.0.0)
    package74724 (1.0.0)
    package74725 (1.0.0)
    package74726 (1.0.0)
    package74727 (1.0.0)
    package74728 (1.0.0)
    package74729 (1.0.0)
    package74730 (1.0.0)
    package74731 (1.0.0)
    package74732 (1.0.0)
    package74733 (1.0.0)
    package74734 (1.0.0)
    package74735 (1.0.0)
    package74736 (1.0.0)
    package74737 (1.0.0)
    package74738 (1.0.0)
    package74739 (1.0.0)
    package74740 (1.0.0)
    package74741 (1.0.0)
    package74742 (1.0.0)
    package74743 (1.0.0)
    package74744 (1.0.0)
    package74745 (1.0.0)
    package74746 (1.0.0)
    package74747 (1.0.0)
    package74748 (1.0.0)
    package74749 (1.0.0)
    package74750 (1.0.0)
    package74751 (1.0.0)
    package74752 (1.0.0)
    package74753 (1.0.0)
    package74754 (1.0.0)
    package74755 (1.0.0)
    package74756 (1.0.0)
    package74757 (1.0.0)
    package74758 (1.0.0)
    package74759 (1.0.0)
    package74760 (1.0.0)
    package74761 (1.0.0)
    package74762 (1.0.0)
    package74763 (1.0.0)
    package74764 (1.0.0)
    package74765 (1.0.0)
    package74766 (1.0.0)
    package74767 (1.0.0)
    package74768 (1.0.0)
    package74769 (1.0.0)
    package74770 (1.0.0)
    package74771 (1.0.0)
    package74772 (1.0.0)
    package74773 (1.0.0)
    package74774 (1.0.0)
    package74775 (1.0.0)
    package74776 (1.0.0)
    package74777 (1.0.0)
    package74778 (1.0.0)
    package74779 (1.0.0)
    package74780 (1.0.0)
    package74781 (1.0.0)
    package74782 (1.0.0)
    package74783 (1.0.0)
    package74784 (1.0.0)
    package74785 (1.0.0)
    package74786 (1.0.0)
    package74787 (1.0.0)
    package74788 (1.0.0)
    package74789 (1.0.0)
    package74790 (1.0.0)
    package74791 (1.0.0)
    package74792 (1.0.0)
    package74793 (1.0.0)
    package74794 (1.0.0)
    package74795 (1.0.0)
    package74796 (1.0.0)
    package74797 (1.0.0)
    package74798 (1.0.0)
    package74799 (1.0.0)
    package74800 (1.0.0)
    package74801 (1.0.0)
    package74802 (1.0.0)
    package74803 (1.0.0)
    package74804 (1.0.0)
    package74805 (1.0.0)
    package74806 (1.0.0)
    package74807 (1.0.0)
    package74808 (1.0.0)
    package74809 (1.0.0)
    package74810 (1.0.0)
    package74811 (1.0.0)
    package74812 (1.0.0)
    package74813 (1.0.0)
    package74814 (1.0.0)
    package74815 (1.0.0)
    package74816 (1.0.0)
    package74817 (1.0.0)
    package74818 (1.0.0)
    package74819 (1.0.0)
    package74820 (1.0.0)
    package74821 (1.0.0)
    package74822 (1.0.0)
    package74823 (1.0.0)
    package74824 (1.0.0)
    package74825 (1.0.0)
    package74826 (1.0.0)
    package74827 (1.0.0)
    package74828 (1.0.0)
    package74829 (1.0.0)
    package74830 (1.0.0)
    package74831 (1.0.0)
    package74832 (1.0.0)
    package74833 (1.0.0)
    package74834 (1.0.0)
    package74835 (1.0.0)
    package74836 (1.0.0)
    package74837 (1.0.0)
    package74838 (1.0.0)
    package74839 (1.0.0)
    package74840 (1.0.0)
    package74841 (1.0.0)
    package74842 (1.0.0)
    package74843 (1.0.0)
    package74844 (1.0.0)
    package74845 (1.0.0)
    package74846 (1.0.0)
    package74847 (1.0.0)
    package74848 (1.0.0)
    package74849 (1.0.0)
    package74850 (1.0.0)
    package74851 (1.0.0)
    package74852 (1.0.0)
    package74853 (1.0.0)
    package74854 (1.0.0)
    package74855 (1.0.0)
    package74856 (1.0.0)
    package74857 (1.0.0)
    package74858 (1.0.0)
    package74859 (1.0.0)
    package74860 (1.0.0)
    package74861 (1.0.0)
    package74862 (1.0.0)
    package74863 (1.0.0)
    package74864 (1.0.0)
    package74865 (1.0.0)
    package74866 (1.0.0)
    package74867 (1.0.0)
    package74868 (1.0.0)
    package74869 (1.0.0)
    package74870 (1.0.0)
    package74871 (1.0.0)
    package74872 (1.0.0)
    package74873 (1.0.0)
    package74874 (1.0.0)
    package74875 (1.0.0)
    package74876 (1.0.0)
    package74877 (1.0.0)
    package74878 (1.0.0)
    package74879 (1.0.0)
    package74880 (1.0.0)
    package74881 (1.0.0)
    package74882 (1.0.0)
    package74883 (1.0.0)
    package74884 (1.0.0)
    package74885 (1.0.0)
    package74886 (1.0.0)
    package74887 (1.0.0)
    package74888 (1.0.0)
    package74889 (1.0.0)
    package74890 (1.0.0)
    package74891 (1.0.0)
    package74892 (1.0.0)
    package74893 (1.0.0)
    package74894 (1.0.0)
    package74895 (1.0.0)
    package74896 (1.0.0)
    package74897 (1.0.0)
    package74898 (1.0.0)
    package74899 (1.0.0)
    package74900 (1.0.0)
    package74901 (1.0.0)
    package74902 (1.0.0)
    package74903 (1.0.0)
    package74904 (1.0.0)
    package74905 (1.0.0)
    package74906 (1.0.0)
    package74907 (1.0.0)
    package74908 (1.0.0)
    package74909 (1.0.0)
    package74910 (1.0.0)
    package74911 (1.0.0)
    package74912 (1.0.0)
    package74913 (1.0.0)
    package74914 (1.0.0)
    package74915 (1.0.0)
    package74916 (1.0.0)
    package74917 (1.0.0)
    package74918 (1.0.0)
    package74919 (1.0.0)
    package74920 (1.0.0)
    package74921 (1.0.0)
    package74922 (1.0.0)
    package74923 (1.0.0)
    package74924 (1.0.0)
    package74925 (1.0.0)
    package74926 (1.0.0)
    package74927 (1.0.0)
    package74928 (1.0.0)
    package74929 (1.0.0)
    package74930 (1.0.0)
    package74931 (1.0.0)
    package74932 (1.0.0)
    package74933 (1.0.0)
    package74934 (1.0.0)
    package74935 (1.0.0)
    package74936 (1.0.0)
    package74937 (1.0.0)
    package74938 (1.0.0)
    package74939 (1.0.0)
    package74940 (1.0.0)
    package74941 (1.0.0)
    package74942 (1.0.0)
    package74943 (1.0.0)
    package74944 (1.0.0)
    package74945 (1.0.0)
    package74946 (1.0.0)
    package74947 (1.0.0)
    package74948 (1.0.0)
    package74949 (1.0.0)
    package74950 (1.0.0)
    package74951 (1.0.0)
    package74952 (1.0.0)
    package74953 (1.0.0)
    package74954 (1.0.0)
    package74955 (1.0.0)
    package74956 (1.0.0)
    package74957 (1.0.0)
    package74958 (1.0.0)
    package74959 (1.0.0)
    package74960 (1.0.0)
    package74961 (1.0.0)
    package74962 (1.0.0)
    package74963 (1.0.0)
    package74964 (1.0.0)
    package74965 (1.0.0)
    package74966 (1.0.0)
    package74967 (1.0.0)
    package74968 (1.0.0)
    package74969 (1.0.0)
    package74970 (1.0.0)
    package74971 (1.0.0)
    package74972 (1.0.0)
    package74973 (1.0.0)
    package74974 (1.0.0)
    package74975 (1.0.0)
    package74976 (1.0.0)
    package74977 (1.0.0)
    package74978 (1.0.0)
    package74979 (1.0.0)
    package74980 (1.0.0)
    package74981 (1.0.0)
    package74982 (1.0.0)
    package74983 (1.0.0)
    package74984 (1.0.0)
    package74985 (1.0.0)
    package74986 (1.0.0)
    package74987 (1.0.0)
    package74988 (1.0.0)
    package74989 (1.0.0)
    package74990 (1.0.0)
    package74991 (1.0.0)
    package74992 (1.0.0)
    package74993 (1.0.0)
    package74994 (1.0.0)
    package74995 (1.0.0)
    package74996 (1.0.0)
    package74997 (1.0.0)
    package74998 (1.0.0)
    package74999 (1.0.0)
    package75000 (1.0.0)
    package75001 (1.0.0)
    package75002 (1.0.0)
    package75003 (1.0.0)
    package75004 (1.0.0)
    package75005 (1.0.0)
    package75006 (1.0.0)
    package75007 (1.0.0)
    package75008 (1.0.0)
    package75009 (1.0.0)
    package75010 (1.0.0)
    package75011 (1.0.0)
    package75012 (1.0.0)
    package75013 (1.0.0)
    package75014 (1.0.0)
    package75015 (1.0.0)
    package75016 (1.0.0)
    package75017 (1.0.0)
    package75018 (1.0.0)
    package75019 (1.0.0)
    package75020 (1.0.0)
    package75021 (1.0.0)
    package75022 (1.0.0)
    package75023 (1.0.0)
    package75024 (1.0.0)
    package75025 (1.0.0)
    package75026 (1.0.0)
    package75027 (1.0.0)
    package75028 (1.0.0)
    package75029 (1.0.0)
    package75030 (1.0.0)
    package75031 (1.0.0)
    package75032 (1.0.0)
    package75033 (1.0.0)
    package75034 (1.0.0)
    package75035 (1.0.0)
    package75036 (1.0.0)
    package75037 (1.0.0)
    package75038 (1.0.0)
    package75039 (1.0.0)
    package75040 (1.0.0)
    package75041 (1.0.0)
    package75042 (1.0.0)
    package75043 (1.0.0)
    package75044 (1.0.0)
    package75045 (1.0.0)
    package75046 (1.0.0)
    package75047 (1.0.0)
    package75048 (1.0.0)
    package75049 (1.0.0)
    package75050 (1.0.0)
    package75051 (1.0.0)
    package75052 (1.0.0)
    package75053 (1.0.0)
    package75054 (1.0.0)
    package75055 (1.0.0)
    package75056 (1.0.0)
    package75057 (1.0.0)
    package75058 (1.0.0)
    package75059 (1.0.0)
    package75060 (1.0.0)
    package75061 (1.0.0)
    package75062 (1.0.0)
    package75063 (1.0.0)
    package75064 (1.0.0)
    package75065 (1.0.0)
    package75066 (1.0.0)
    package75067 (1.0.0)
    package75068 (1.0.0)
    package75069 (1.0.0)
    package75070 (1.0.0)
    package75071 (1.0.0)
    package75072 (1.0.0)
    package75073 (1.0.0)
    package75074 (1.0.0)
    package75075 (1.0.0)
    package75076 (1.0.0)
    package75077 (1.0.0)
    package75078 (1.0.0)
    package75079 (1.0.0)
    package75080 (1.0.0)
    package75081 (1.0.0)
    package75082 (1.0.0)
    package75083 (1.0.0)
    package75084 (1.0.0)
    package75085 (1.0.0)
    package75086 (1.0.0)
    package75087 (1.0.0)
    package75088 (1.0.0)
    package75089 (1.0.0)
    package75090 (1.0.0)
    package75091 (1.0.0)
    package75092 (1.0.0)
    package75093 (1.0.0)
    package75094 (1.0.0)
    package75095 (1.0.0)
    package75096 (1.0.0)
    package75097 (1.0.0)
    package75098 (1.0.0)
    package75099 (1.0.0)
    package75100 (1.0.0)
    package75101 (1.0.0)
    package75102 (1.0.0)
    package75103 (1.0.0)
    package75104 (1.0.0)
    package75105 (1.0.0)
    package75106 (1.0.0)
    package75107 (1.0.0)
    package75108 (1.0.0)
    package75109 (1.0.0)
    package75110 (1.0.0)
    package75111 (1.0.0)
    package75112 (1.0.0)
    package75113 (1.0.0)
    package75114 (1.0.0)
    package75115 (1.0.0)
    package75116 (1.0.0)
    package75117 (1.0.0)
    package75118 (1.0.0)
    package75119 (1.0.0)
    package75120 (1.0.0)
    package75121 (1.0.0)
    package75122 (1.0.0)
    package75123 (1.0.0)
    package75124 (1.0.0)
    package75125 (1.0.0)
    package75126 (1.0.0)
    package75127 (1.0.0)
    package75128 (1.0.0)
    package75129 (1.0.0)
    package75130 (1.0.0)
    package75131 (1.0.0)
    package75132 (1.0.0)
    package75133 (1.0.0)
    package75134 (1.0.0)
    package75135 (1.0.0)
    package75136 (1.0.0)
    package75137 (1.0.0)
    package75138 (1.0.0)
    package75139 (1.0.0)
    package75140 (1.0.0)
    package75141 (1.0.0)
    package75142 (1.0.0)
    package75143 (1.0.0)
    package75144 (1.0.0)
    package75145 (1.0.0)
    package75146 (1.0.0)
    package75147 (1.0.0)
    package75148 (1.0.0)
    package75149 (1.0.0)
    package75150 (1.0.0)
    package75151 (1.0.0)
    package75152 (1.0.0)
    package75153 (1.0.0)
    package75154 (1.0.0)
    package75155 (1.0.0)
    package75156 (1.0.0)
    package75157 (1.0.0)
    package75158 (1.0.0)
    package75159 (1.0.0)
    package75160 (1.0.0)
    package75161 (1.0.0)
    package75162 (1.0.0)
    package75163 (1.0.0)
    package75164 (1.0.0)
    package75165 (1.0.0)
    package75166 (1.0.0)
    package75167 (1.0.0)
    package75168 (1.0.0)
    package75169 (1.0.0)
    package75170 (1.0.0)
    package75171 (1.0.0)
    package75172 (1.0.0)
    package75173 (1.0.0)
    package75174 (1.0.0)
    package75175 (1.0.0)
    package75176 (1.0.0)
    package75177 (1.0.0)
    package75178 (1.0.0)
    package75179 (1.0.0)
    package75180 (1.0.0)
    package75181 (1.0.0)
    package75182 (1.0.0)
    package75183 (1.0.0)
    package75184 (1.0.0)
    package75185 (1.0.0)
    package75186 (1.0.0)
    package75187 (1.0.0)
    package75188 (1.0.0)
    package75189 (1.0.0)
    package75190 (1.0.0)
    package75191 (1.0.0)
    package75192 (1.0.0)
    package75193 (1.0.0)
    package75194 (1.0.0)
    package75195 (1.0.0)
    package75196 (1.0.0)
    package75197 (1.0.0)
    package75198 (1.0.0)
    package75199 (1.0.0)
    package75200 (1.0.0)
    package75201 (1.0.0)
    package75202 (1.0.0)
    package75203 (1.0.0)
    package75204 (1.0.0)
    package75205 (1.0.0)
    package75206 (1.0.0)
    package75207 (1.0.0)
    package75208 (1.0.0)
    package75209 (1.0.0)
    package75210 (1.0.0)
    package75211 (1.0.0)
    package75212 (1.0.0)
    package75213 (1.0.0)
    package75214 (1.0.0)
    package75215 (1.0.0)
    package75216 (1.0.0)
    package75217 (1.0.0)
    package75218 (1.0.0)
    package75219 (1.0.0)
    package75220 (1.0.0)
    package75221 (1.0.0)
    package75222 (1.0.0)
    package75223 (1.0.0)
    package75224 (1.0.0)
    package75225 (1.0.0)
    package75226 (1.0.0)
    package75227 (1.0.0)
    package75228 (1.0.0)
    package75229 (1.0.0)
    package75230 (1.0.0)
    package75231 (1.0.0)
    package75232 (1.0.0)
    package75233 (1.0.0)
    package75234 (1.0.0)
    package75235 (1.0.0)
    package75236 (1.0.0)
    package75237 (1.0.0)
    package75238 (1.0.0)
    package75239 (1.0.0)
    package75240 (1.0.0)
    package75241 (1.0.0)
    package75242 (1.0.0)
    package75243 (1.0.0)
    package75244 (1.0.0)
    package75245 (1.0.0)
    package75246 (1.0.0)
    package75247 (1.0.0)
    package75248 (1.0.0)
    package75249 (1.0.0)
    package75250 (1.0.0)
    package75251 (1.0.0)
    package75252 (1.0.0)
    package75253 (1.0.0)
    package75254 (1.0.0)
    package75255 (1.0.0)
    package75256 (1.0.0)
    package75257 (1.0.0)
    package75258 (1.0.0)
    package75259 (1.0.0)
    package75260 (1.0.0)
    package75261 (1.0.0)
    package75262 (1.0.0)
    package75263 (1.0.0)
    package75264 (1.0.0)
    package75265 (1.0.0)
    package75266 (1.0.0)
    package75267 (1.0.0)
    package75268 (1.0.0)
    package75269 (1.0.0)
    package75270 (1.0.0)
    package75271 (1.0.0)
    package75272 (1.0.0)
    package75273 (1.0.0)
    package75274 (1.0.0)
    package75275 (1.0.0)
    package75276 (1.0.0)
    package75277 (1.0.0)
    package75278 (1.0.0)
    package75279 (1.0.0)
    package75280 (1.0.0)
    package75281 (1.0.0)
    package75282 (1.0.0)
    package75283 (1.0.0)
    package75284 (1.0.0)
    package75285 (1.0.0)
    package75286 (1.0.0)
    package75287 (1.0.0)
    package75288 (1.0.0)
    package75289 (1.0.0)
    package75290 (1.0.0)
    package75291 (1.0.0)
    package75292 (1.0.0)
    package75293 (1.0.0)
    package75294 (1.0.0)
    package75295 (1.0.0)
    package75296 (1.0.0)
    package75297 (1.0.0)
    package75298 (1.0.0)
    package75299 (1.0.0)
    package75300 (1.0.0)
    package75301 (1.0.0)
    package75302 (1.0.0)
    package75303 (1.0.0)
    package75304 (1.0.0)
    package75305 (1.0.0)
    package75306 (1.0.0)
    package75307 (1.0.0)
    package75308 (1.0.0)
    package75309 (1.0.0)
    package75310 (1.0.0)
    package75311 (1.0.0)
    package75312 (1.0.0)
    package75313 (1.0.0)
    package75314 (1.0.0)
    package75315 (1.0.0)
    package75316 (1.0.0)
    package75317 (1.0.0)
    package75318 (1.0.0)
    package75319 (1.0.0)
    package75320 (1.0.0)
    package75321 (1.0.0)
    package75322 (1.0.0)
    package75323 (1.0.0)
    package75324 (1.0.0)
    package75325 (1.0.0)
    package75326 (1.0.0)
    package75327 (1.0.0)
    package75328 (1.0.0)
    package75329 (1.0.0)
    package75330 (1.0.0)
    package75331 (1.0.0)
    package75332 (1.0.0)
    package75333 (1.0.0)
    package75334 (1.0.0)
    package75335 (1.0.0)
    package75336 (1.0.0)
    package75337 (1.0.0)
    package75338 (1.0.0)
    package75339 (1.0.0)
    package75340 (1.0.0)
    package75341 (1.0.0)
    package75342 (1.0.0)
    package75343 (1.0.0)
    package75344 (1.0.0)
    package75345 (1.0.0)
    package75346 (1.0.0)
    package75347 (1.0.0)
    package75348 (1.0.0)
    package75349 (1.0.0)
    package75350 (1.0.0)
    package75351 (1.0.0)
    package75352 (1.0.0)
    package75353 (1.0.0)
    package75354 (1.0.0)
    package75355 (1.0.0)
    package75356 (1.0.0)
    package75357 (1.0.0)
    package75358 (1.0.0)
    package75359 (1.0.0)
    package75360 (1.0.0)
    package75361 (1.0.0)
    package75362 (1.0.0)
    package75363 (1.0.0)
    package75364 (1.0.0)
    package75365 (1.0.0)
    package75366 (1.0.0)
    package75367 (1.0.0)
    package75368 (1.0.0)
    package75369 (1.0.0)
    package75370 (1.0.0)
    package75371 (1.0.0)
    package75372 (1.0.0)
    package75373 (1.0.0)
    package75374 (1.0.0)
    package75375 (1.0.0)
    package75376 (1.0.0)
    package75377 (1.0.0)
    package75378 (1.0.0)
    package75379 (1.0.0)
    package75380 (1.0.0)
    package75381 (1.0.0)
    package75382 (1.0.0)
    package75383 (1.0.0)
    package75384 (1.0.0)
    package75385 (1.0.0)
    package75386 (1.0.0)
    package75387 (1.0.0)
    package75388 (1.0.0)
    package75389 (1.0.0)
    package75390 (1.0.0)
    package75391 (1.0.0)
    package75392 (1.0.0)
    package75393 (1.0.0)
    package75394 (1.0.0)
    package75395 (1.0.0)
    package75396 (1.0.0)
    package75397 (1.0.0)
    package75398 (1.0.0)
    package75399 (1.0.0)
    package75400 (1.0.0)
    package75401 (1.0.0)
    package75402 (1.0.0)
    package75403 (1.0.0)
    package75404 (1.0.0)
    package75405 (1.0.0)
    package75406 (1.0.0)
    package75407 (1.0.0)
    package75408 (1.0.0)
    package75409 (1.0.0)
    package75410 (1.0.0)
    package75411 (1.0.0)
    package75412 (1.0.0)
    package75413 (1.0.0)
    package75414 (1.0.0)
    package75415 (1.0.0)
    package75416 (1.0.0)
    package75417 (1.0.0)
    package75418 (1.0.0)
    package75419 (1.0.0)
    package75420 (1.0.0)
    package75421 (1.0.0)
    package75422 (1.0.0)
    package75423 (1.0.0)
    package75424 (1.0.0)
    package75425 (1.0.0)
    package75426 (1.0.0)
    package75427 (1.0.0)
    package75428 (1.0.0)
    package75429 (1.0.0)
    package75430 (1.0.0)
    package75431 (1.0.0)
    package75432 (1.0.0)
    package75433 (1.0.0)
    package75434 (1.0.0)
    package75435 (1.0.0)
    package75436 (1.0.0)
    package75437 (1.0.0)
    package75438 (1.0.0)
    package75439 (1.0.0)
    package75440 (1.0.0)
    package75441 (1.0.0)
    package75442 (1.0.0)
    package75443 (1.0.0)
    package75444 (1.0.0)
    package75445 (1.0.0)
    package75446 (1.0.0)
    package75447 (1.0.0)
    package75448 (1.0.0)
    package75449 (1.0.0)
    package75450 (1.0.0)
    package75451 (1.0.0)
    package75452 (1.0.0)
    package75453 (1.0.0)
    package75454 (1.0.0)
    package75455 (1.0.0)
    package75456 (1.0.0)
    package75457 (1.0.0)
    package75458 (1.0.0)
    package75459 (1.0.0)
    package75460 (1.0.0)
    package75461 (1.0.0)
    package75462 (1.0.0)
    package75463 (1.0.0)
    package75464 (1.0.0)
    package75465 (1.0.0)
    package75466 (1.0.0)
    package75467 (1.0.0)
    package75468 (1.0.0)
    package75469 (1.0.0)
    package75470 (1.0.0)
    package75471 (1.0.0)
    package75472 (1.0.0)
    package75473 (1.0.0)
    package75474 (1.0.0)
    package75475 (1.0.0)
    package75476 (1.0.0)
    package75477 (1.0.0)
    package75478 (1.0.0)
    package75479 (1.0.0)
    package75480 (1.0.0)
    package75481 (1.0.0)
    package75482 (1.0.0)
    package75483 (1.0.0)
    package75484 (1.0.0)
    package75485 (1.0.0)
    package75486 (1.0.0)
    package75487 (1.0.0)
    package75488 (1.0.0)
    package75489 (1.0.0)
    package75490 (1.0.0)
    package75491 (1.0.0)
    package75492 (1.0.0)
    package75493 (1.0.0)
    package75494 (1.0.0)
    package75495 (1.0.0)
    package75496 (1.0.0)
    package75497 (1.0.0)
    package75498 (1.0.0)
    package75499 (1.0.0)
    package75500 (1.0.0)
    package75501 (1.0.0)
    package75502 (1.0.0)
    package75503 (1.0.0)
    package75504 (1.0.0)
    package75505 (1.0.0)
    package75506 (1.0.0)
    package75507 (1.0.0)
    package75508 (1.0.0)
    package75509 (1.0.0)
    package75510 (1.0.0)
    package75511 (1.0.0)
    package75512 (1.0.0)
    package75513 (1.0.0)
    package75514 (1.0.0)
    package75515 (1.0.0)
    package75516 (1.0.0)
    package75517 (1.0.0)
    package75518 (1.0.0)
    package75519 (1.0.0)
    package75520 (1.0.0)
    package75521 (1.0.0)
    package75522 (1.0.0)
    package75523 (1.0.0)
    package75524 (1.0.0)
    package75525 (1.0.0)
    package75526 (1.0.0)
    package75527 (1.0.0)
    package75528 (1.0.0)
    package75529 (1.0.0)
    package75530 (1.0.0)
    package75531 (1.0.0)
    package75532 (1.0.0)
    package75533 (1.0.0)
    package75534 (1.0.0)
    package75535 (1.0.0)
    package75536 (1.0.0)
    package75537 (1.0.0)
    package75538 (1.0.0)
    package75539 (1.0.0)
    package75540 (1.0.0)
    package75541 (1.0.0)
    package75542 (1.0.0)
    package75543 (1.0.0)
    package75544 (1.0.0)
    package75545 (1.0.0)
    package75546 (1.0.0)
    package75547 (1.0.0)
    package75548 (1.0.0)
    package75549 (1.0.0)
    package75550 (1.0.0)
    package75551 (1.0.0)
    package75552 (1.0.0)
    package75553 (1.0.0)
    package75554 (1.0.0)
    package75555 (1.0.0)
    package75556 (1.0.0)
    package75557 (1.0.0)
    package75558 (1.0.0)
    package75559 (1.0.0)
    package75560 (1.0.0)
    package75561 (1.0.0)
    package75562 (1.0.0)
    package75563 (1.0.0)
    package75564 (1.0.0)
    package75565 (1.0.0)
    package75566 (1.0.0)
    package75567 (1.0.0)
    package75568 (1.0.0)
    package75569 (1.0.0)
    package75570 (1.0.0)
    package75571 (1.0.0)
    package75572 (1.0.0)
    package75573 (1.0.0)
    package75574 (1.0.0)
    package75575 (1.0.0)
    package75576 (1.0.0)
    package75577 (1.0.0)
    package75578 (1.0.0)
    package75579 (1.0.0)
    package75580 (1.0.0)
    package75581 (1.0.0)
    package75582 (1.0.0)
    package75583 (1.0.0)
    package75584 (1.0.0)
    package75585 (1.0.0)
    package75586 (1.0.0)
    package75587 (1.0.0)
    package75588 (1.0.0)
    package75589 (1.0.0)
    package75590 (1.0.0)
    package75591 (1.0.0)
    package75592 (1.0.0)
    package75593 (1.0.0)
    package75594 (1.0.0)
    package75595 (1.0.0)
    package75596 (1.0.0)
    package75597 (1.0.0)
    package75598 (1.0.0)
    package75599 (1.0.0)
    package75600 (1.0.0)
    package75601 (1.0.0)
    package75602 (1.0.0)
    package75603 (1.0.0)
    package75604 (1.0.0)
    package75605 (1.0.0)
    package75606 (1.0.0)
    package75607 (1.0.0)
    package75608 (1.0.0)
    package75609 (1.0.0)
    package75610 (1.0.0)
    package75611 (1.0.0)
    package75612 (1.0.0)
    package75613 (1.0.0)
    package75614 (1.0.0)
    package75615 (1.0.0)
    package75616 (1.0.0)
    package75617 (1.0.0)
    package75618 (1.0.0)
    package75619 (1.0.0)
    package75620 (1.0.0)
    package75621 (1.0.0)
    package75622 (1.0.0)
    package75623 (1.0.0)
    package75624 (1.0.0)
    package75625 (1.0.0)
    package75626 (1.0.0)
    package75627 (1.0.0)
    package75628 (1.0.0)
    package75629 (1.0.0)
    package75630 (1.0.0)
    package75631 (1.0.0)
    package75632 (1.0.0)
    package75633 (1.0.0)
    package75634 (1.0.0)
    package75635 (1.0.0)
    package75636 (1.0.0)
    package75637 (1.0.0)
    package75638 (1.0.0)
    package75639 (1.0.0)
    package75640 (1.0.0)
    package75641 (1.0.0)
    package75642 (1.0.0)
    package75643 (1.0.0)
    package75644 (1.0.0)
    package75645 (1.0.0)
    package75646 (1.0.0)
    package75647 (1.0.0)
    package75648 (1.0.0)
    package75649 (1.0.0)
    package75650 (1.0.0)
    package75651 (1.0.0)
    package75652 (1.0.0)
    package75653 (1.0.0)
    package75654 (1.0.0)
    package75655 (1.0.0)
    package75656 (1.0.0)
    package75657 (1.0.0)
    package75658 (1.0.0)
    package75659 (1.0.0)
    package75660 (1.0.0)
    package75661 (1.0.0)
    package75662 (1.0.0)
    package75663 (1.0.0)
    package75664 (1.0.0)
    package75665 (1.0.0)
    package75666 (1.0.0)
    package75667 (1.0.0)
    package75668 (1.0.0)
    package75669 (1.0.0)
    package75670 (1.0.0)
    package75671 (1.0.0)
    package75672 (1.0.0)
    package75673 (1.0.0)
    package75674 (1.0.0)
    package75675 (1.0.0)
    package75676 (1.0.0)
    package75677 (1.0.0)
    package75678 (1.0.0)
    package75679 (1.0.0)
    package75680 (1.0.0)
    package75681 (1.0.0)
    package75682 (1.0.0)
    package75683 (1.0.0)
    package75684 (1.0.0)
    package75685 (1.0.0)
    package75686 (1.0.0)
    package75687 (1.0.0)
    package75688 (1.0.0)
    package75689 (1.0.0)
    package75690 (1.0.0)
    package75691 (1.0.0)
    package75692 (1.0.0)
    package75693 (1.0.0)
    package75694 (1.0.0)
    package75695 (1.0.0)
    package75696 (1.0.0)
    package75697 (1.0.0)
    package75698 (1.0.0)
    package75699 (1.0.0)
    package75700 (1.0.0)
    package75701 (1.0.0)
    package75702 (1.0.0)
    package75703 (1.0.0)
    package75704 (1.0.0)
    package75705 (1.0.0)
    package75706 (1.0.0)
    package75707 (1.0.0)
    package75708 (1.0.0)
    package75709 (1.0.0)
    package75710 (1.0.0)
    package75711 (1.0.0)
    package75712 (1.0.0)
    package75713 (1.0.0)
    package75714 (1.0.0)
    package75715 (1.0.0)
    package75716 (1.0.0)
    package75717 (1.0.0)
    package75718 (1.0.0)
    package75719 (1.0.0)
    package75720 (1.0.0)
    package75721 (1.0.0)
    package75722 (1.0.0)
    package75723 (1.0.0)
    package75724 (1.0.0)
    package75725 (1.0.0)
    package75726 (1.0.0)
    package75727 (1.0.0)
    package75728 (1.0.0)
    package75729 (1.0.0)
    package75730 (1.0.0)
    package75731 (1.0.0)
    package75732 (1.0.0)
    package75733 (1.0.0)
    package75734 (1.0.0)
    package75735 (1.0.0)
    package75736 (1.0.0)
    package75737 (1.0.0)
    package75738 (1.0.0)
    package75739 (1.0.0)
    package75740 (1.0.0)
    package75741 (1.0.0)
    package75742 (1.0.0)
    package75743 (1.0.0)
    package75744 (1.0.0)
    package75745 (1.0.0)
    package75746 (1.0.0)
    package75747 (1.0.0)
    package75748 (1.0.0)
    package75749 (1.0.0)
    package75750 (1.0.0)
    package75751 (1.0.0)
    package75752 (1.0.0)
    package75753 (1.0.0)
    package75754 (1.0.0)
    package75755 (1.0.0)
    package75756 (1.0.0)
    package75757 (1.0.0)
    package75758 (1.0.0)
    package75759 (1.0.0)
    package75760 (1.0.0)
    package75761 (1.0.0)
    package75762 (1.0.0)
    package75763 (1.0.0)
    package75764 (1.0.0)
    package75765 (1.0.0)
    package75766 (1.0.0)
    package75767 (1.0.0)
    package75768 (1.0.0)
    package75769 (1.0.0)
    package75770 (1.0.0)
    package75771 (1.0.0)
    package75772 (1.0.0)
    package75773 (1.0.0)
    package75774 (1.0.0)
    package75775 (1.0.0)
    package75776 (1.0.0)
    package75777 (1.0.0)
    package75778 (1.0.0)
    package75779 (1.0.0)
    package75780 (1.0.0)
    package75781 (1.0.0)
    package75782 (1.0.0)
    package75783 (1.0.0)
    package75784 (1.0.0)
    package75785 (1.0.0)
    package75786 (1.0.0)
    package75787 (1.0.0)
    package75788 (1.0.0)
    package75789 (1.0.0)
    package75790 (1.0.0)
    package75791 (1.0.0)
    package75792 (1.0.0)
    package75793 (1.0.0)
    package75794 (1.0.0)
    package75795 (1.0.0)
    package75796 (1.0.0)
    package75797 (1.0.0)
    package75798 (1.0.0)
    package75799 (1.0.0)
    package75800 (1.0.0)
    package75801 (1.0.0)
    package75802 (1.0.0)
    package75803 (1.0.0)
    package75804 (1.0.0)
    package75805 (1.0.0)
    package75806 (1.0.0)
    package75807 (1.0.0)
    package75808 (1.0.0)
    package75809 (1.0.0)
    package75810 (1.0.0)
    package75811 (1.0.0)
    package75812 (1.0.0)
    package75813 (1.0.0)
    package75814 (1.0.0)
    package75815 (1.0.0)
    package75816 (1.0.0)
    package75817 (1.0.0)
    package75818 (1.0.0)
    package75819 (1.0.0)
    package75820 (1.0.0)
    package75821 (1.0.0)
    package75822 (1.0.0)
    package75823 (1.0.0)
    package75824 (1.0.0)
    package75825 (1.0.0)
    package75826 (1.0.0)
    package75827 (1.0.0)
    package75828 (1.0.0)
    package75829 (1.0.0)
    package75830 (1.0.0)
    package75831 (1.0.0)
    package75832 (1.0.0)
    package75833 (1.0.0)
    package75834 (1.0.0)
    package75835 (1.0.0)
    package75836 (1.0.0)
    package75837 (1.0.0)
    package75838 (1.0.0)
    package75839 (1.0.0)
    package75840 (1.0.0)
    package75841 (1.0.0)
    package75842 (1.0.0)
    package75843 (1.0.0)
    package75844 (1.0.0)
    package75845 (1.0.0)
    package75846 (1.0.0)
    package75847 (1.0.0)
    package75848 (1.0.0)
    package75849 (1.0.0)
    package75850 (1.0.0)
    package75851 (1.0.0)
    package75852 (1.0.0)
    package75853 (1.0.0)
    package75854 (1.0.0)
    package75855 (1.0.0)
    package75856 (1.0.0)
    package75857 (1.0.0)
    package75858 (1.0.0)
    package75859 (1.0.0)
    package75860 (1.0.0)
    package75861 (1.0.0)
    package75862 (1.0.0)
    package75863 (1.0.0)
    package75864 (1.0.0)
    package75865 (1.0.0)
    package75866 (1.0.0)
    package75867 (1.0.0)
    package75868 (1.0.0)
    package75869 (1.0.0)
    package75870 (1.0.0)
    package75871 (1.0.0)
    package75872 (1.0.0)
    package75873 (1.0.0)
    package75874 (1.0.0)
    package75875 (1.0.0)
    package75876 (1.0.0)
    package75877 (1.0.0)
    package75878 (1.0.0)
    package75879 (1.0.0)
    package75880 (1.0.0)
    package75881 (1.0.0)
    package75882 (1.0.0)
    package75883 (1.0.0)
    package75884 (1.0.0)
    package75885 (1.0.0)
    package75886 (1.0.0)
    package75887 (1.0.0)
    package75888 (1.0.0)
    package75889 (1.0.0)
    package75890 (1.0.0)
    package75891 (1.0.0)
    package75892 (1.0.0)
    package75893 (1.0.0)
    package75894 (1.0.0)
    package75895 (1.0.0)
    package75896 (1.0.0)
    package75897 (1.0.0)
    package75898 (1.0.0)
    package75899 (1.0.0)
    package75900 (1.0.0)
    package75901 (1.0.0)
    package75902 (1.0.0)
    package75903 (1.0.0)
    package75904 (1.0.0)
    package75905 (1.0.0)
    package75906 (1.0.0)
    package75907 (1.0.0)
    package75908 (1.0.0)
    package75909 (1.0.0)
    package75910 (1.0.0)
    package75911 (1.0.0)
    package75912 (1.0.0)
    package75913 (1.0.0)
    package75914 (1.0.0)
    package75915 (1.0.0)
    package75916 (1.0.0)
    package75917 (1.0.0)
    package75918 (1.0.0)
    package75919 (1.0.0)
    package75920 (1.0.0)
    package75921 (1.0.0)
    package75922 (1.0.0)
    package75923 (1.0.0)
    package75924 (1.0.0)
    package75925 (1.0.0)
    package75926 (1.0.0)
    package75927 (1.0.0)
    package75928 (1.0.0)
    package75929 (1.0.0)
    package75930 (1.0.0)
    package75931 (1.0.0)
    package75932 (1.0.0)
    package75933 (1.0.0)
    package75934 (1.0.0)
    package75935 (1.0.0)
    package75936 (1.0.0)
    package75937 (1.0.0)
    package75938 (1.0.0)
    package75939 (1.0.0)
    package75940 (1.0.0)
    package75941 (1.0.0)
    package75942 (1.0.0)
    package75943 (1.0.0)
    package75944 (1.0.0)
    package75945 (1.0.0)
    package75946 (1.0.0)
    package75947 (1.0.0)
    package75948 (1.0.0)
    package75949 (1.0.0)
    package75950 (1.0.0)
    package75951 (1.0.0)
    package75952 (1.0.0)
    package75953 (1.0.0)
    package75954 (1.0.0)
    package75955 (1.0.0)
    package75956 (1.0.0)
    package75957 (1.0.0)
    package75958 (1.0.0)
    package75959 (1.0.0)
    package75960 (1.0.0)
    package75961 (1.0.0)
    package75962 (1.0.0)
    package75963 (1.0.0)
    package75964 (1.0.0)
    package75965 (1.0.0)
    package75966 (1.0.0)
    package75967 (1.0.0)
    package75968 (1.0.0)
    package75969 (1.0.0)
    package75970 (1.0.0)
    package75971 (1.0.0)
    package75972 (1.0.0)
    package75973 (1.0.0)
    package75974 (1.0.0)
    package75975 (1.0.0)
    package75976 (1.0.0)
    package75977 (1.0.0)
    package75978 (1.0.0)
    package75979 (1.0.0)
    package75980 (1.0.0)
    package75981 (1.0.0)
    package75982 (1.0.0)
    package75983 (1.0.0)
    package75984 (1.0.0)
    package75985 (1.0.0)
    package75986 (1.0.0)
    package75987 (1.0.0)
    package75988 (1.0.0)
    package75989 (1.0.0)
    package75990 (1.0.0)
    package75991 (1.0.0)
    package75992 (1.0.0)
    package75993 (1.0.0)
    package75994 (1.0.0)
    package75995 (1.0.0)
    package75996 (1.0.0)
    package75997 (1.0.0)
    package75998 (1.0.0)
    package75999 (1.0.0)
    package76000 (1.0.0)
    package76001 (1.0.0)
    package76002 (1.0.0)
    package76003 (1.0.0)
    package76004 (1.0.0)
    package76005 (1.0.0)
    package76006 (1.0.0)
    package76007 (1.0.0)
    package76008 (1.0.0)
    package76009 (1.0.0)
    package76010 (1.0.0)
    package76011 (1.0.0)
    package76012 (1.0.0)
    package76013 (1.0.0)
    package76014 (1.0.0)
    package76015 (1.0.0)
    package76016 (1.0.0)
    package76017 (1.0.0)
    package76018 (1.0.0)
    package76019 (1.0.0)
    package76020 (1.0.0)
    package76021 (1.0.0)
    package76022 (1.0.0)
    package76023 (1.0.0)
    package76024 (1.0.0)
    package76025 (1.0.0)
    package76026 (1.0.0)
    package76027 (1.0.0)
    package76028 (1.0.0)
    package76029 (1.0.0)
    package76030 (1.0.0)
    package76031 (1.0.0)
    package76032 (1.0.0)
    package76033 (1.0.0)
    package76034 (1.0.0)
    package76035 (1.0.0)
    package76036 (1.0.0)
    package76037 (1.0.0)
    package76038 (1.0.0)
    package76039 (1.0.0)
    package76040 (1.0.0)
    package76041 (1.0.0)
    package76042 (1.0.0)
    package76043 (1.0.0)
    package76044 (1.0.0)
    package76045 (1.0.0)
    package76046 (1.0.0)
    package76047 (1.0.0)
    package76048 (1.0.0)
    package76049 (1.0.0)
    package76050 (1.0.0)
    package76051 (1.0.0)
    package76052 (1.0.0)
    package76053 (1.0.0)
    package76054 (1.0.0)
    package76055 (1.0.0)
    package76056 (1.0.0)
    package76057 (1.0.0)
    package76058 (1.0.0)
    package76059 (1.0.0)
    package76060 (1.0.0)
    package76061 (1.0.0)
    package76062 (1.0.0)
    package76063 (1.0.0)
    package76064 (1.0.0)
    package76065 (1.0.0)
    package76066 (1.0.0)
    package76067 (1.0.0)
    package76068 (1.0.0)
    package76069 (1.0.0)
    package76070 (1.0.0)
    package76071 (1.0.0)
    package76072 (1.0.0)
    package76073 (1.0.0)
    package76074 (1.0.0)
    package76075 (1.0.0)
    package76076 (1.0.0)
    package76077 (1.0.0)
    package76078 (1.0.0)
    package76079 (1.0.0)
    package76080 (1.0.0)
    package76081 (1.0.0)
    package76082 (1.0.0)
    package76083 (1.0.0)
    package76084 (1.0.0)
    package76085 (1.0.0)
    package76086 (1.0.0)
    package76087 (1.0.0)
    package76088 (1.0.0)
    package76089 (1.0.0)
    package76090 (1.0.0)
    package76091 (1.0.0)
    package76092 (1.0.0)
    package76093 (1.0.0)
    package76094 (1.0.0)
    package76095 (1.0.0)
    package76096 (1.0.0)
    package76097 (1.0.0)
    package76098 (1.0.0)
    package76099 (1.0.0)
    package76100 (1.0.0)
    package76101 (1.0.0)
    package76102 (1.0.0)
    package76103 (1.0.0)
    package76104 (1.0.0)
    package76105 (1.0.0)
    package76106 (1.0.0)
    package76107 (1.0.0)
    package76108 (1.0.0)
    package76109 (1.0.0)
    package76110 (1.0.0)
    package76111 (1.0.0)
    package76112 (1.0.0)
    package76113 (1.0.0)
    package76114 (1.0.0)
    package76115 (1.0.0)
    package76116 (1.0.0)
    package76117 (1.0.0)
    package76118 (1.0.0)
    package76119 (1.0.0)
    package76120 (1.0.0)
    package76121 (1.0.0)
    package76122 (1.0.0)
    package76123 (1.0.0)
    package76124 (1.0.0)
    package76125 (1.0.0)
    package76126 (1.0.0)
    package76127 (1.0.0)
    package76128 (1.0.0)
    package76129 (1.0.0)
    package76130 (1.0.0)
    package76131 (1.0.0)
    package76132 (1.0.0)
    package76133 (1.0.0)
    package76134 (1.0.0)
    package76135 (1.0.0)
    package76136 (1.0.0)
    package76137 (1.0.0)
    package76138 (1.0.0)
    package76139 (1.0.0)
    package76140 (1.0.0)
    package76141 (1.0.0)
    package76142 (1.0.0)
    package76143 (1.0.0)
    package76144 (1.0.0)
    package76145 (1.0.0)
    package76146 (1.0.0)
    package76147 (1.0.0)
    package76148 (1.0.0)
    package76149 (1.0.0)
    package76150 (1.0.0)
    package76151 (1.0.0)
    package76152 (1.0.0)
    package76153 (1.0.0)
    package76154 (1.0.0)
    package76155 (1.0.0)
    package76156 (1.0.0)
    package76157 (1.0.0)
    package76158 (1.0.0)
    package76159 (1.0.0)
    package76160 (1.0.0)
    package76161 (1.0.0)
    package76162 (1.0.0)
    package76163 (1.0.0)
    package76164 (1.0.0)
    package76165 (1.0.0)
    package76166 (1.0.0)
    package76167 (1.0.0)
    package76168 (1.0.0)
    package76169 (1.0.0)
    package76170 (1.0.0)
    package76171 (1.0.0)
    package76172 (1.0.0)
    package76173 (1.0.0)
    package76174 (1.0.0)
    package76175 (1.0.0)
    package76176 (1.0.0)
    package76177 (1.0.0)
    package76178 (1.0.0)
    package76179 (1.0.0)
    package76180 (1.0.0)
    package76181 (1.0.0)
    package76182 (1.0.0)
    package76183 (1.0.0)
    package76184 (1.0.0)
    package76185 (1.0.0)
    package76186 (1.0.0)
    package76187 (1.0.0)
    package76188 (1.0.0)
    package76189 (1.0.0)
    package76190 (1.0.0)
    package76191 (1.0.0)
    package76192 (1.0.0)
    package76193 (1.0.0)
    package76194 (1.0.0)
    package76195 (1.0.0)
    package76196 (1.0.0)
    package76197 (1.0.0)
    package76198 (1.0.0)
    package76199 (1.0.0)
    package76200 (1.0.0)
    package76201 (1.0.0)
    package76202 (1.0.0)
    package76203 (1.0.0)
    package76204 (1.0.0)
    package76205 (1.0.0)
    package76206 (1.0.0)
    package76207 (1.0.0)
    package76208 (1.0.0)
    package76209 (1.0.0)
    package76210 (1.0.0)
    package76211 (1.0.0)
    package76212 (1.0.0)
    package76213 (1.0.0)
    package76214 (1.0.0)
    package76215 (1.0.0)
    package76216 (1.0.0)
    package76217 (1.0.0)
    package76218 (1.0.0)
    package76219 (1.0.0)
    package76220 (1.0.0)
    package76221 (1.0.0)
    package76222 (1.0.0)
    package76223 (1.0.0)
    package76224 (1.0.0)
    package76225 (1.0.0)
    package76226 (1.0.0)
    package76227 (1.0.0)
    package76228 (1.0.0)
    package76229 (1.0.0)
    package76230 (1.0.0)
    package76231 (1.0.0)
    package76232 (1.0.0)
    package76233 (1.0.0)
    package76234 (1.0.0)
    package76235 (1.0.0)
    package76236 (1.0.0)
    package76237 (1.0.0)
    package76238 (1.0.0)
    package76239 (1.0.0)
    package76240 (1.0.0)
    package76241 (1.0.0)
    package76242 (1.0.0)
    package76243 (1.0.0)
    package76244 (1.0.0)
    package76245 (1.0.0)
    package76246 (1.0.0)
    package76247 (1.0.0)
    package76248 (1.0.0)
    package76249 (1.0.0)
    package76250 (1.0.0)
    package76251 (1.0.0)
    package76252 (1.0.0)
    package76253 (1.0.0)
    package76254 (1.0.0)
    package76255 (1.0.0)
    package76256 (1.0.0)
    package76257 (1.0.0)
    package76258 (1.0.0)
    package76259 (1.0.0)
    package76260 (1.0.0)
    package76261 (1.0.0)
    package76262 (1.0.0)
    package76263 (1.0.0)
    package76264 (1.0.0)
    package76265 (1.0.0)
    package76266 (1.0.0)
    package76267 (1.0.0)
    package76268 (1.0.0)
    package76269 (1.0.0)
    package76270 (1.0.0)
    package76271 (1.0.0)
    package76272 (1.0.0)
    package76273 (1.0.0)
    package76274 (1.0.0)
    package76275 (1.0.0)
    package76276 (1.0.0)
    package76277 (1.0.0)
    package76278 (1.0.0)
    package76279 (1.0.0)
    package76280 (1.0.0)
    package76281 (1.0.0)
    package76282 (1.0.0)
    package76283 (1.0.0)
    package76284 (1.0.0)
    package76285 (1.0.0)
    package76286 (1.0.0)
    package76287 (1.0.0)
    package76288 (1.0.0)
    package76289 (1.0.0)
    package76290 (1.0.0)
    package76291 (1.0.0)
    package76292 (1.0.0)
    package76293 (1.0.0)
    package76294 (1.0.0)
    package76295 (1.0.0)
    package76296 (1.0.0)
    package76297 (1.0.0)
    package76298 (1.0.0)
    package76299 (1.0.0)
    package76300 (1.0.0)
    package76301 (1.0.0)
    package76302 (1.0.0)
    package76303 (1.0.0)
    package76304 (1.0.0)
    package76305 (1.0.0)
    package76306 (1.0.0)
    package76307 (1.0.0)
    package76308 (1.0.0)
    package76309 (1.0.0)
    package76310 (1.0.0)
    package76311 (1.0.0)
    package76312 (1.0.0)
    package76313 (1.0.0)
    package76314 (1.0.0)
    package76315 (1.0.0)
    package76316 (1.0.0)
    package76317 (1.0.0)
    package76318 (1.0.0)
    package76319 (1.0.0)
    package76320 (1.0.0)
    package76321 (1.0.0)
    package76322 (1.0.0)
    package76323 (1.0.0)
    package76324 (1.0.0)
    package76325 (1.0.0)
    package76326 (1.0.0)
    package76327 (1.0.0)
    package76328 (1.0.0)
    package76329 (1.0.0)
    package76330 (1.0.0)
    package76331 (1.0.0)
    package76332 (1.0.0)
    package76333 (1.0.0)
    package76334 (1.0.0)
    package76335 (1.0.0)
    package76336 (1.0.0)
    package76337 (1.0.0)
    package76338 (1.0.0)
    package76339 (1.0.0)
    package76340 (1.0.0)
    package76341 (1.0.0)
    package76342 (1.0.0)
    package76343 (1.0.0)
    package76344 (1.0.0)
    package76345 (1.0.0)
    package76346 (1.0.0)
    package76347 (1.0.0)
    package76348 (1.0.0)
    package76349 (1.0.0)
    package76350 (1.0.0)
    package76351 (1.0.0)
    package76352 (1.0.0)
    package76353 (1.0.0)
    package76354 (1.0.0)
    package76355 (1.0.0)
    package76356 (1.0.0)
    package76357 (1.0.0)
    package76358 (1.0.0)
    package76359 (1.0.0)
    package76360 (1.0.0)
    package76361 (1.0.0)
    package76362 (1.0.0)
    package76363 (1.0.0)
    package76364 (1.0.0)
    package76365 (1.0.0)
    package76366 (1.0.0)
    package76367 (1.0.0)
    package76368 (1.0.0)
    package76369 (1.0.0)
    package76370 (1.0.0)
    package76371 (1.0.0)
    package76372 (1.0.0)
    package76373 (1.0.0)
    package76374 (1.0.0)
    package76375 (1.0.0)
    package76376 (1.0.0)
    package76377 (1.0.0)
    package76378 (1.0.0)
    package76379 (1.0.0)
    package76380 (1.0.0)
    package76381 (1.0.0)
    package76382 (1.0.0)
    package76383 (1.0.0)
    package76384 (1.0.0)
    package76385 (1.0.0)
    package76386 (1.0.0)
    package76387 (1.0.0)
    package76388 (1.0.0)
    package76389 (1.0.0)
    package76390 (1.0.0)
    package76391 (1.0.0)
    package76392 (1.0.0)
    package76393 (1.0.0)
    package76394 (1.0.0)
    package76395 (1.0.0)
    package76396 (1.0.0)
    package76397 (1.0.0)
    package76398 (1.0.0)
    package76399 (1.0.0)
    package76400 (1.0.0)
    package76401 (1.0.0)
    package76402 (1.0.0)
    package76403 (1.0.0)
    package76404 (1.0.0)
    package76405 (1.0.0)
    package76406 (1.0.0)
    package76407 (1.0.0)
    package76408 (1.0.0)
    package76409 (1.0.0)
    package76410 (1.0.0)
    package76411 (1.0.0)
    package76412 (1.0.0)
    package76413 (1.0.0)
    package76414 (1.0.0)
    package76415 (1.0.0)
    package76416 (1.0.0)
    package76417 (1.0.0)
    package76418 (1.0.0)
    package76419 (1.0.0)
    package76420 (1.0.0)
    package76421 (1.0.0)
    package76422 (1.0.0)
    package76423 (1.0.0)
    package76424 (1.0.0)
    package76425 (1.0.0)
    package76426 (1.0.0)
    package76427 (1.0.0)
    package76428 (1.0.0)
    package76429 (1.0.0)
    package76430 (1.0.0)
    package76431 (1.0.0)
    package76432 (1.0.0)
    package76433 (1.0.0)
    package76434 (1.0.0)
    package76435 (1.0.0)
    package76436 (1.0.0)
    package76437 (1.0.0)
    package76438 (1.0.0)
    package76439 (1.0.0)
    package76440 (1.0.0)
    package76441 (1.0.0)
    package76442 (1.0.0)
    package76443 (1.0.0)
    package76444 (1.0.0)
    package76445 (1.0.0)
    package76446 (1.0.0)
    package76447 (1.0.0)
    package76448 (1.0.0)
    package76449 (1.0.0)
    package76450 (1.0.0)
    package76451 (1.0.0)
    package76452 (1.0.0)
    package76453 (1.0.0)
    package76454 (1.0.0)
    package76455 (1.0.0)
    package76456 (1.0.0)
    package76457 (1.0.0)
    package76458 (1.0.0)
    package76459 (1.0.0)
    package76460 (1.0.0)
    package76461 (1.0.0)
    package76462 (1.0.0)
    package76463 (1.0.0)
    package76464 (1.0.0)
    package76465 (1.0.0)
    package76466 (1.0.0)
    package76467 (1.0.0)
    package76468 (1.0.0)
    package76469 (1.0.0)
    package76470 (1.0.0)
    package76471 (1.0.0)
    package76472 (1.0.0)
    package76473 (1.0.0)
    package76474 (1.0.0)
    package76475 (1.0.0)
    package76476 (1.0.0)
    package76477 (1.0.0)
    package76478 (1.0.0)
    package76479 (1.0.0)
    package76480 (1.0.0)
    package76481 (1.0.0)
    package76482 (1.0.0)
    package76483 (1.0.0)
    package76484 (1.0.0)
    package76485 (1.0.0)
    package76486 (1.0.0)
    package76487 (1.0.0)
    package76488 (1.0.0)
    package76489 (1.0.0)
    package76490 (1.0.0)
    package76491 (1.0.0)
    package76492 (1.0.0)
    package76493 (1.0.0)
    package76494 (1.0.0)
    package76495 (1.0.0)
    package76496 (1.0.0)
    package76497 (1.0.0)
    package76498 (1.0.0)
    package76499 (1.0.0)
    package76500 (1.0.0)
    package76501 (1.0.0)
    package76502 (1.0.0)
    package76503 (1.0.0)
    package76504 (1.0.0)
    package76505 (1.0.0)
    package76506 (1.0.0)
    package76507 (1.0.0)
    package76508 (1.0.0)
    package76509 (1.0.0)
    package76510 (1.0.0)
    package76511 (1.0.0)
    package76512 (1.0.0)
    package76513 (1.0.0)
    package76514 (1.0.0)
    package76515 (1.0.0)
    package76516 (1.0.0)
    package76517 (1.0.0)
    package76518 (1.0.0)
    package76519 (1.0.0)
    package76520 (1.0.0)
    package76521 (1.0.0)
    package76522 (1.0.0)
    package76523 (1.0.0)
    package76524 (1.0.0)
    package76525 (1.0.0)
    package76526 (1.0.0)
    package76527 (1.0.0)
    package76528 (1.0.0)
    package76529 (1.0.0)
    package76530 (1.0.0)
    package76531 (1.0.0)
    package76532 (1.0.0)
    package76533 (1.0.0)
    package76534 (1.0.0)
    package76535 (1.0.0)
    package76536 (1.0.0)
    package76537 (1.0.0)
    package76538 (1.0.0)
    package76539 (1.0.0)
    package76540 (1.0.0)
    package76541 (1.0.0)
    package76542 (1.0.0)
    package76543 (1.0.0)
    package76544 (1.0.0)
    package76545 (1.0.0)
    package76546 (1.0.0)
    package76547 (1.0.0)
    package76548 (1.0.0)
    package76549 (1.0.0)
    package76550 (1.0.0)
    package76551 (1.0.0)
    package76552 (1.0.0)
    package76553 (1.0.0)
    package76554 (1.0.0)
    package76555 (1.0.0)
    package76556 (1.0.0)
    package76557 (1.0.0)
    package76558 (1.0.0)
    package76559 (1.0.0)
    package76560 (1.0.0)
    package76561 (1.0.0)
    package76562 (1.0.0)
    package76563 (1.0.0)
    package76564 (1.0.0)
    package76565 (1.0.0)
    package76566 (1.0.0)
    package76567 (1.0.0)
    package76568 (1.0.0)
    package76569 (1.0.0)
    package76570 (1.0.0)
    package76571 (1.0.0)
    package76572 (1.0.0)
    package76573 (1.0.0)
    package76574 (1.0.0)
    package76575 (1.0.0)
    package76576 (1.0.0)
    package76577 (1.0.0)
    package76578 (1.0.0)
    package76579 (1.0.0)
    package76580 (1.0.0)
    package76581 (1.0.0)
    package76582 (1.0.0)
    package76583 (1.0.0)
    package76584 (1.0.0)
    package76585 (1.0.0)
    package76586 (1.0.0)
    package76587 (1.0.0)
    package76588 (1.0.0)
    package76589 (1.0.0)
    package76590 (1.0.0)
    package76591 (1.0.0)
    package76592 (1.0.0)
    package76593 (1.0.0)
    package76594 (1.0.0)
    package76595 (1.0.0)
    package76596 (1.0.0)
    package76597 (1.0.0)
    package76598 (1.0.0)
    package76599 (1.0.0)
    package76600 (1.0.0)
    package76601 (1.0.0)
    package76602 (1.0.0)
    package76603 (1.0.0)
    package76604 (1.0.0)
    package76605 (1.0.0)
    package76606 (1.0.0)
    package76607 (1.0.0)
    package76608 (1.0.0)
    package76609 (1.0.0)
    package76610 (1.0.0)
    package76611 (1.0.0)
    package76612 (1.0.0)
    package76613 (1.0.0)
    package76614 (1.0.0)
    package76615 (1.0.0)
    package76616 (1.0.0)
    package76617 (1.0.0)
    package76618 (1.0.0)
    package76619 (1.0.0)
    package76620 (1.0.0)
    package76621 (1.0.0)
    package76622 (1.0.0)
    package76623 (1.0.0)
    package76624 (1.0.0)
    package76625 (1.0.0)
    package76626 (1.0.0)
    package76627 (1.0.0)
    package76628 (1.0.0)
    package76629 (1.0.0)
    package76630 (1.0.0)
    package76631 (1.0.0)
    package76632 (1.0.0)
    package76633 (1.0.0)
    package76634 (1.0.0)
    package76635 (1.0.0)
    package76636 (1.0.0)
    package76637 (1.0.0)
    package76638 (1.0.0)
    package76639 (1.0.0)
    package76640 (1.0.0)
    package76641 (1.0.0)
    package76642 (1.0.0)
    package76643 (1.0.0)
    package76644 (1.0.0)
    package76645 (1.0.0)
    package76646 (1.0.0)
    package76647 (1.0.0)
    package76648 (1.0.0)
    package76649 (1.0.0)
    package76650 (1.0.0)
    package76651 (1.0.0)
    package76652 (1.0.0)
    package76653 (1.0.0)
    package76654 (1.0.0)
    package76655 (1.0.0)
    package76656 (1.0.0)
    package76657 (1.0.0)
    package76658 (1.0.0)
    package76659 (1.0.0)
    package76660 (1.0.0)
    package76661 (1.0.0)
    package76662 (1.0.0)
    package76663 (1.0.0)
    package76664 (1.0.0)
    package76665 (1.0.0)
    package76666 (1.0.0)
    package76667 (1.0.0)
    package76668 (1.0.0)
    package76669 (1.0.0)
    package76670 (1.0.0)
    package76671 (1.0.0)
    package76672 (1.0.0)
    package76673 (1.0.0)
    package76674 (1.0.0)
    package76675 (1.0.0)
    package76676 (1.0.0)
    package76677 (1.0.0)
    package76678 (1.0.0)
    package76679 (1.0.0)
    package76680 (1.0.0)
    package76681 (1.0.0)
    package76682 (1.0.0)
    package76683 (1.0.0)
    package76684 (1.0.0)
    package76685 (1.0.0)
    package76686 (1.0.0)
    package76687 (1.0.0)
    package76688 (1.0.0)
    package76689 (1.0.0)
    package76690 (1.0.0)
    package76691 (1.0.0)
    package76692 (1.0.0)
    package76693 (1.0.0)
    package76694 (1.0.0)
    package76695 (1.0.0)
    package76696 (1.0.0)
    package76697 (1.0.0)
    package76698 (1.0.0)
    package76699 (1.0.0)
    package76700 (1.0.0)
    package76701 (1.0.0)
    package76702 (1.0.0)
    package76703 (1.0.0)
    package76704 (1.0.0)
    package76705 (1.0.0)
    package76706 (1.0.0)
    package76707 (1.0.0)
    package76708 (1.0.0)
    package76709 (1.0.0)
    package76710 (1.0.0)
    package76711 (1.0.0)
    package76712 (1.0.0)
    package76713 (1.0.0)
    package76714 (1.0.0)
    package76715 (1.0.0)
    package76716 (1.0.0)
    package76717 (1.0.0)
    package76718 (1.0.0)
    package76719 (1.0.0)
    package76720 (1.0.0)
    package76721 (1.0.0)
    package76722 (1.0.0)
    package76723 (1.0.0)
    package76724 (1.0.0)
    package76725 (1.0.0)
    package76726 (1.0.0)
    package76727 (1.0.0)
    package76728 (1.0.0)
    package76729 (1.0.0)
    package76730 (1.0.0)
    package76731 (1.0.0)
    package76732 (1.0.0)
    package76733 (1.0.0)
    package76734 (1.0.0)
    package76735 (1.0.0)
    package76736 (1.0.0)
    package76737 (1.0.0)
    package76738 (1.0.0)
    package76739 (1.0.0)
    package76740 (1.0.0)
    package76741 (1.0.0)
    package76742 (1.0.0)
    package76743 (1.0.0)
    package76744 (1.0.0)
    package76745 (1.0.0)
    package76746 (1.0.0)
    package76747 (1.0.0)
    package76748 (1.0.0)
    package76749 (1.0.0)
    package76750 (1.0.0)
    package76751 (1.0.0)
    package76752 (1.0.0)
    package76753 (1.0.0)
    package76754 (1.0.0)
    package76755 (1.0.0)
    package76756 (1.0.0)
    package76757 (1.0.0)
    package76758 (1.0.0)
    package76759 (1.0.0)
    package76760 (1.0.0)
    package76761 (1.0.0)
    package76762 (1.0.0)
    package76763 (1.0.0)
    package76764 (1.0.0)
    package76765 (1.0.0)
    package76766 (1.0.0)
    package76767 (1.0.0)
    package76768 (1.0.0)
    package76769 (1.0.0)
    package76770 (1.0.0)
    package76771 (1.0.0)
    package76772 (1.0.0)
    package76773 (1.0.0)
    package76774 (1.0.0)
    package76775 (1.0.0)
    package76776 (1.0.0)
    package76777 (1.0.0)
    package76778 (1.0.0)
    package76779 (1.0.0)
    package76780 (1.0.0)
    package76781 (1.0.0)
    package76782 (1.0.0)
    package76783 (1.0.0)
    package76784 (1.0.0)
    package76785 (1.0.0)
    package76786 (1.0.0)
    package76787 (1.0.0)
    package76788 (1.0.0)
    package76789 (1.0.0)
    package76790 (1.0.0)
    package76791 (1.0.0)
    package76792 (1.0.0)
    package76793 (1.0.0)
    package76794 (1.0.0)
    package76795 (1.0.0)
    package76796 (1.0.0)
    package76797 (1.0.0)
    package76798 (1.0.0)
    package76799 (1.0.0)
    package76800 (1.0.0)
    package76801 (1.0.0)
    package76802 (1.0.0)
    package76803 (1.0.0)
    package76804 (1.0.0)
    package76805 (1.0.0)
    package76806 (1.0.0)
    package76807 (1.0.0)
    package76808 (1.0.0)
    package76809 (1.0.0)
    package76810 (1.0.0)
    package76811 (1.0.0)
    package76812 (1.0.0)
    package76813 (1.0.0)
    package76814 (1.0.0)
    package76815 (1.0.0)
    package76816 (1.0.0)
    package76817 (1.0.0)
    package76818 (1.0.0)
    package76819 (1.0.0)
    package76820 (1.0.0)
    package76821 (1.0.0)
    package76822 (1.0.0)
    package76823 (1.0.0)
    package76824 (1.0.0)
    package76825 (1.0.0)
    package76826 (1.0.0)
    package76827 (1.0.0)
    package76828 (1.0.0)
    package76829 (1.0.0)
    package76830 (1.0.0)
    package76831 (1.0.0)
    package76832 (1.0.0)
    package76833 (1.0.0)
    package76834 (1.0.0)
    package76835 (1.0.0)
    package76836 (1.0.0)
    package76837 (1.0.0)
    package76838 (1.0.0)
    package76839 (1.0.0)
    package76840 (1.0.0)
    package76841 (1.0.0)
    package76842 (1.0.0)
    package76843 (1.0.0)
    package76844 (1.0.0)
    package76845 (1.0.0)
    package76846 (1.0.0)
    package76847 (1.0.0)
    package76848 (1.0.0)
    package76849 (1.0.0)
    package76850 (1.0.0)
    package76851 (1.0.0)
    package76852 (1.0.0)
    package76853 (1.0.0)
    package76854 (1.0.0)
    package76855 (1.0.0)
    package76856 (1.0.0)
    package76857 (1.0.0)
    package76858 (1.0.0)
    package76859 (1.0.0)
    package76860 (1.0.0)
    package76861 (1.0.0)
    package76862 (1.0.0)
    package76863 (1.0.0)
    package76864 (1.0.0)
    package76865 (1.0.0)
    package76866 (1.0.0)
    package76867 (1.0.0)
    package76868 (1.0.0)
    package76869 (1.0.0)
    package76870 (1.0.0)
    package76871 (1.0.0)
    package76872 (1.0.0)
    package76873 (1.0.0)
    package76874 (1.0.0)
    package76875 (1.0.0)
    package76876 (1.0.0)
    package76877 (1.0.0)
    package76878 (1.0.0)
    package76879 (1.0.0)
    package76880 (1.0.0)
    package76881 (1.0.0)
    package76882 (1.0.0)
    package76883 (1.0.0)
    package76884 (1.0.0)
    package76885 (1.0.0)
    package76886 (1.0.0)
    package76887 (1.0.0)
    package76888 (1.0.0)
    package76889 (1.0.0)
    package76890 (1.0.0)
    package76891 (1.0.0)
    package76892 (1.0.0)
    package76893 (1.0.0)
    package76894 (1.0.0)
    package76895 (1.0.0)
    package76896 (1.0.0)
    package76897 (1.0.0)
    package76898 (1.0.0)
    package76899 (1.0.0)
    package76900 (1.0.0)
    package76901 (1.0.0)
    package76902 (1.0.0)
    package76903 (1.0.0)
    package76904 (1.0.0)
    package76905 (1.0.0)
    package76906 (1.0.0)
    package76907 (1.0.0)
    package76908 (1.0.0)
    package76909 (1.0.0)
    package76910 (1.0.0)
    package76911 (1.0.0)
    package76912 (1.0.0)
    package76913 (1.0.0)
    package76914 (1.0.0)
    package76915 (1.0.0)
    package76916 (1.0.0)
    package76917 (1.0.0)
    package76918 (1.0.0)
    package76919 (1.0.0)
    package76920 (1.0.0)
    package76921 (1.0.0)
    package76922 (1.0.0)
    package76923 (1.0.0)
    package76924 (1.0.0)
    package76925 (1.0.0)
    package76926 (1.0.0)
    package76927 (1.0.0)
    package76928 (1.0.0)
    package76929 (1.0.0)
    package76930 (1.0.0)
    package76931 (1.0.0)
    package76932 (1.0.0)
    package76933 (1.0.0)
    package76934 (1.0.0)
    package76935 (1.0.0)
    package76936 (1.0.0)
    package76937 (1.0.0)
    package76938 (1.0.0)
    package76939 (1.0.0)
    package76940 (1.0.0)
    package76941 (1.0.0)
    package76942 (1.0.0)
    package76943 (1.0.0)
    package76944 (1.0.0)
    package76945 (1.0.0)
    package76946 (1.0.0)
    package76947 (1.0.0)
    package76948 (1.0.0)
    package76949 (1.0.0)
    package76950 (1.0.0)
    package76951 (1.0.0)
    package76952 (1.0.0)
    package76953 (1.0.0)
    package76954 (1.0.0)
    package76955 (1.0.0)
    package76956 (1.0.0)
    package76957 (1.0.0)
    package76958 (1.0.0)
    package76959 (1.0.0)
    package76960 (1.0.0)
    package76961 (1.0.0)
    package76962 (1.0.0)
    package76963 (1.0.0)
    package76964 (1.0.0)
    package76965 (1.0.0)
    package76966 (1.0.0)
    package76967 (1.0.0)
    package76968 (1.0.0)
    package76969 (1.0.0)
    package76970 (1.0.0)
    package76971 (1.0.0)
    package76972 (1.0.0)
    package76973 (1.0.0)
    package76974 (1.0.0)
    package76975 (1.0.0)
    package76976 (1.0.0)
    package76977 (1.0.0)
    package76978 (1.0.0)
    package76979 (1.0.0)
    package76980 (1.0.0)
    package76981 (1.0.0)
    package76982 (1.0.0)
    package76983 (1.0.0)
    package76984 (1.0.0)
    package76985 (1.0.0)
    package76986 (1.0.0)
    package76987 (1.0.0)
    package76988 (1.0.0)
    package76989 (1.0.0)
    package76990 (1.0.0)
    package76991 (1.0.0)
    package76992 (1.0.0)
    package76993 (1.0.0)
    package76994 (1.0.0)
    package76995 (1.0.0)
    package76996 (1.0.0)
    package76997 (1.0.0)
    package76998 (1.0.0)
    package76999 (1.0.0)
    package77000 (1.0.0)
    package77001 (1.0.0)
    package77002 (1.0.0)
    package77003 (1.0.0)
    package77004 (1.0.0)
    package77005 (1.0.0)
    package77006 (1.0.0)
    package77007 (1.0.0)
    package77008 (1.0.0)
    package77009 (1.0.0)
    package77010 (1.0.0)
    package77011 (1.0.0)
    package77012 (1.0.0)
    package77013 (1.0.0)
    package77014 (1.0.0)
    package77015 (1.0.0)
    package77016 (1.0.0)
    package77017 (1.0.0)
    package77018 (1.0.0)
    package77019 (1.0.0)
    package77020 (1.0.0)
    package77021 (1.0.0)
    package77022 (1.0.0)
    package77023 (1.0.0)
    package77024 (1.0.0)
    package77025 (1.0.0)
    package77026 (1.0.0)
    package77027 (1.0.0)
    package77028 (1.0.0)
    package77029 (1.0.0)
    package77030 (1.0.0)
    package77031 (1.0.0)
    package77032 (1.0.0)
    package77033 (1.0.0)
    package77034 (1.0.0)
    package77035 (1.0.0)
    package77036 (1.0.0)
    package77037 (1.0.0)
    package77038 (1.0.0)
    package77039 (1.0.0)
    package77040 (1.0.0)
    package77041 (1.0.0)
    package77042 (1.0.0)
    package77043 (1.0.0)
    package77044 (1.0.0)
    package77045 (1.0.0)
    package77046 (1.0.0)
    package77047 (1.0.0)
    package77048 (1.0.0)
    package77049 (1.0.0)
    package77050 (1.0.0)
    package77051 (1.0.0)
    package77052 (1.0.0)
    package77053 (1.0.0)
    package77054 (1.0.0)
    package77055 (1.0.0)
    package77056 (1.0.0)
    package77057 (1.0.0)
    package77058 (1.0.0)
    package77059 (1.0.0)
    package77060 (1.0.0)
    package77061 (1.0.0)
    package77062 (1.0.0)
    package77063 (1.0.0)
    package77064 (1.0.0)
    package77065 (1.0.0)
    package77066 (1.0.0)
    package77067 (1.0.0)
    package77068 (1.0.0)
    package77069 (1.0.0)
    package77070 (1.0.0)
    package77071 (1.0.0)
    package77072 (1.0.0)
    package77073 (1.0.0)
    package77074 (1.0.0)
    package77075 (1.0.0)
    package77076 (1.0.0)
    package77077 (1.0.0)
    package77078 (1.0.0)
    package77079 (1.0.0)
    package77080 (1.0.0)
    package77081 (1.0.0)
    package77082 (1.0.0)
    package77083 (1.0.0)
    package77084 (1.0.0)
    package77085 (1.0.0)
    package77086 (1.0.0)
    package77087 (1.0.0)
    package77088 (1.0.0)
    package77089 (1.0.0)
    package77090 (1.0.0)
    package77091 (1.0.0)
    package77092 (1.0.0)
    package77093 (1.0.0)
    package77094 (1.0.0)
    package77095 (1.0.0)
    package77096 (1.0.0)
    package77097 (1.0.0)
    package77098 (1.0.0)
    package77099 (1.0.0)
    package77100 (1.0.0)
    package77101 (1.0.0)
    package77102 (1.0.0)
    package77103 (1.0.0)
    package77104 (1.0.0)
    package77105 (1.0.0)
    package77106 (1.0.0)
    package77107 (1.0.0)
    package77108 (1.0.0)
    package77109 (1.0.0)
    package77110 (1.0.0)
    package77111 (1.0.0)
    package77112 (1.0.0)
    package77113 (1.0.0)
    package77114 (1.0.0)
    package77115 (1.0.0)
    package77116 (1.0.0)
    package77117 (1.0.0)
    package77118 (1.0.0)
    package77119 (1.0.0)
    package77120 (1.0.0)
    package77121 (1.0.0)
    package77122 (1.0.0)
    package77123 (1.0.0)
    package77124 (1.0.0)
    package77125 (1.0.0)
    package77126 (1.0.0)
    package77127 (1.0.0)
    package77128 (1.0.0)
    package77129 (1.0.0)
    package77130 (1.0.0)
    package77131 (1.0.0)
    package77132 (1.0.0)
    package77133 (1.0.0)
    package77134 (1.0.0)
    package77135 (1.0.0)
    package77136 (1.0.0)
    package77137 (1.0.0)
    package77138 (1.0.0)
    package77139 (1.0.0)
    package77140 (1.0.0)
    package77141 (1.0.0)
    package77142 (1.0.0)
    package77143 (1.0.0)
    package77144 (1.0.0)
    package77145 (1.0.0)
    package77146 (1.0.0)
    package77147 (1.0.0)
    package77148 (1.0.0)
    package77149 (1.0.0)
    package77150 (1.0.0)
    package77151 (1.0.0)
    package77152 (1.0.0)
    package77153 (1.0.0)
    package77154 (1.0.0)
    package77155 (1.0.0)
    package77156 (1.0.0)
    package77157 (1.0.0)
    package77158 (1.0.0)
    package77159 (1.0.0)
    package77160 (1.0.0)
    package77161 (1.0.0)
    package77162 (1.0.0)
    package77163 (1.0.0)
    package77164 (1.0.0)
    package77165 (1.0.0)
    package77166 (1.0.0)
    package77167 (1.0.0)
    package77168 (1.0.0)
    package77169 (1.0.0)
    package77170 (1.0.0)
    package77171 (1.0.0)
    package77172 (1.0.0)
    package77173 (1.0.0)
    package77174 (1.0.0)
    package77175 (1.0.0)
    package77176 (1.0.0)
    package77177 (1.0.0)
    package77178 (1.0.0)
    package77179 (1.0.0)
    package77180 (1.0.0)
    package77181 (1.0.0)
    package77182 (1.0.0)
    package77183 (1.0.0)
    package77184 (1.0.0)
    package77185 (1.0.0)
    package77186 (1.0.0)
    package77187 (1.0.0)
    package77188 (1.0.0)
    package77189 (1.0.0)
    package77190 (1.0.0)
    package77191 (1.0.0)
    package77192 (1.0.0)
    package77193 (1.0.0)
    package77194 (1.0.0)
    package77195 (1.0.0)
    package77196 (1.0.0)
    package77197 (1.0.0)
    package77198 (1.0.0)
    package77199 (1.0.0)
    package77200 (1.0.0)
    package77201 (1.0.0)
    package77202 (1.0.0)
    package77203 (1.0.0)
    package77204 (1.0.0)
    package77205 (1.0.0)
    package77206 (1.0.0)
    package77207 (1.0.0)
    package77208 (1.0.0)
    package77209 (1.0.0)
    package77210 (1.0.0)
    package77211 (1.0.0)
    package77212 (1.0.0)
    package77213 (1.0.0)
    package77214 (1.0.0)
    package77215 (1.0.0)
    package77216 (1.0.0)
    package77217 (1.0.0)
    package77218 (1.0.0)
    package77219 (1.0.0)
    package77220 (1.0.0)
    package77221 (1.0.0)
    package77222 (1.0.0)
    package77223 (1.0.0)
    package77224 (1.0.0)
    package77225 (1.0.0)
    package77226 (1.0.0)
    package77227 (1.0.0)
    package77228 (1.0.0)
    package77229 (1.0.0)
    package77230 (1.0.0)
    package77231 (1.0.0)
    package77232 (1.0.0)
    package77233 (1.0.0)
    package77234 (1.0.0)
    package77235 (1.0.0)
    package77236 (1.0.0)
    package77237 (1.0.0)
    package77238 (1.0.0)
    package77239 (1.0.0)
    package77240 (1.0.0)
    package77241 (1.0.0)
    package77242 (1.0.0)
    package77243 (1.0.0)
    package77244 (1.0.0)
    package77245 (1.0.0)
    package77246 (1.0.0)
    package77247 (1.0.0)
    package77248 (1.0.0)
    package77249 (1.0.0)
    package77250 (1.0.0)
    package77251 (1.0.0)
    package77252 (1.0.0)
    package77253 (1.0.0)
    package77254 (1.0.0)
    package77255 (1.0.0)
    package77256 (1.0.0)
    package77257 (1.0.0)
    package77258 (1.0.0)
    package77259 (1.0.0)
    package77260 (1.0.0)
    package77261 (1.0.0)
    package77262 (1.0.0)
    package77263 (1.0.0)
    package77264 (1.0.0)
    package77265 (1.0.0)
    package77266 (1.0.0)
    package77267 (1.0.0)
    package77268 (1.0.0)
    package77269 (1.0.0)
    package77270 (1.0.0)
    package77271 (1.0.0)
    package77272 (1.0.0)
    package77273 (1.0.0)
    package77274 (1.0.0)
    package77275 (1.0.0)
    package77276 (1.0.0)
    package77277 (1.0.0)
    package77278 (1.0.0)
    package77279 (1.0.0)
    package77280 (1.0.0)
    package77281 (1.0.0)
    package77282 (1.0.0)
    package77283 (1.0.0)
    package77284 (1.0.0)
    package77285 (1.0.0)
    package77286 (1.0.0)
    package77287 (1.0.0)
    package77288 (1.0.0)
    package77289 (1.0.0)
    package77290 (1.0.0)
    package77291 (1.0.0)
    package77292 (1.0.0)
    package77293 (1.0.0)
    package77294 (1.0.0)
    package77295 (1.0.0)
    package77296 (1.0.0)
    package77297 (1.0.0)
    package77298 (1.0.0)
    package77299 (1.0.0)
    package77300 (1.0.0)
    package77301 (1.0.0)
    package77302 (1.0.0)
    package77303 (1.0.0)
    package77304 (1.0.0)
    package77305 (1.0.0)
    package77306 (1.0.0)
    package77307 (1.0.0)
    package77308 (1.0.0)
    package77309 (1.0.0)
    package77310 (1.0.0)
    package77311 (1.0.0)
    package77312 (1.0.0)
    package77313 (1.0.0)
    package77314 (1.0.0)
    package77315 (1.0.0)
    package77316 (1.0.0)
    package77317 (1.0.0)
    package77318 (1.0.0)
    package77319 (1.0.0)
    package77320 (1.0.0)
    package77321 (1.0.0)
    package77322 (1.0.0)
    package77323 (1.0.0)
    package77324 (1.0.0)
    package77325 (1.0.0)
    package77326 (1.0.0)
    package77327 (1.0.0)
    package77328 (1.0.0)
    package77329 (1.0.0)
    package77330 (1.0.0)
    package77331 (1.0.0)
    package77332 (1.0.0)
    package77333 (1.0.0)
    package77334 (1.0.0)
    package77335 (1.0.0)
    package77336 (1.0.0)
    package77337 (1.0.0)
    package77338 (1.0.0)
    package77339 (1.0.0)
    package77340 (1.0.0)
    package77341 (1.0.0)
    package77342 (1.0.0)
    package77343 (1.0.0)
    package77344 (1.0.0)
    package77345 (1.0.0)
    package77346 (1.0.0)
    package77347 (1.0.0)
    package77348 (1.0.0)
    package77349 (1.0.0)
    package77350 (1.0.0)
    package77351 (1.0.0)
    package77352 (1.0.0)
    package77353 (1.0.0)
    package77354 (1.0.0)
    package77355 (1.0.0)
    package77356 (1.0.0)
    package77357 (1.0.0)
    package77358 (1.0.0)
    package77359 (1.0.0)
    package77360 (1.0.0)
    package77361 (1.0.0)
    package77362 (1.0.0)
    package77363 (1.0.0)
    package77364 (1.0.0)
    package77365 (1.0.0)
    package77366 (1.0.0)
    package77367 (1.0.0)
    package77368 (1.0.0)
    package77369 (1.0.0)
    package77370 (1.0.0)
    package77371 (1.0.0)
    package77372 (1.0.0)
    package77373 (1.0.0)
    package77374 (1.0.0)
    package77375 (1.0.0)
    package77376 (1.0.0)
    package77377 (1.0.0)
    package77378 (1.0.0)
    package77379 (1.0.0)
    package77380 (1.0.0)
    package77381 (1.0.0)
    package77382 (1.0.0)
    package77383 (1.0.0)
    package77384 (1.0.0)
    package77385 (1.0.0)
    package77386 (1.0.0)
    package77387 (1.0.0)
    package77388 (1.0.0)
    package77389 (1.0.0)
    package77390 (1.0.0)
    package77391 (1.0.0)
    package77392 (1.0.0)
    package77393 (1.0.0)
    package77394 (1.0.0)
    package77395 (1.0.0)
    package77396 (1.0.0)
    package77397 (1.0.0)
    package77398 (1.0.0)
    package77399 (1.0.0)
    package77400 (1.0.0)
    package77401 (1.0.0)
    package77402 (1.0.0)
    package77403 (1.0.0)
    package77404 (1.0.0)
    package77405 (1.0.0)
    package77406 (1.0.0)
    package77407 (1.0.0)
    package77408 (1.0.0)
    package77409 (1.0.0)
    package77410 (1.0.0)
    package77411 (1.0.0)
    package77412 (1.0.0)
    package77413 (1.0.0)
    package77414 (1.0.0)
    package77415 (1.0.0)
    package77416 (1.0.0)
    package77417 (1.0.0)
    package77418 (1.0.0)
    package77419 (1.0.0)
    package77420 (1.0.0)
    package77421 (1.0.0)
    package77422 (1.0.0)
    package77423 (1.0.0)
    package77424 (1.0.0)
    package77425 (1.0.0)
    package77426 (1.0.0)
    package77427 (1.0.0)
    package77428 (1.0.0)
    package77429 (1.0.0)
    package77430 (1.0.0)
    package77431 (1.0.0)
    package77432 (1.0.0)
    package77433 (1.0.0)
    package77434 (1.0.0)
    package77435 (1.0.0)
    package77436 (1.0.0)
    package77437 (1.0.0)
    package77438 (1.0.0)
    package77439 (1.0.0)
    package77440 (1.0.0)
    package77441 (1.0.0)
    package77442 (1.0.0)
    package77443 (1.0.0)
    package77444 (1.0.0)
    package77445 (1.0.0)
    package77446 (1.0.0)
    package77447 (1.0.0)
    package77448 (1.0.0)
    package77449 (1.0.0)
    package77450 (1.0.0)
    package77451 (1.0.0)
    package77452 (1.0.0)
    package77453 (1.0.0)
    package77454 (1.0.0)
    package77455 (1.0.0)
    package77456 (1.0.0)
    package77457 (1.0.0)
    package77458 (1.0.0)
    package77459 (1.0.0)
    package77460 (1.0.0)
    package77461 (1.0.0)
    package77462 (1.0.0)
    package77463 (1.0.0)
    package77464 (1.0.0)
    package77465 (1.0.0)
    package77466 (1.0.0)
    package77467 (1.0.0)
    package77468 (1.0.0)
    package77469 (1.0.0)
    package77470 (1.0.0)
    package77471 (1.0.0)
    package77472 (1.0.0)
    package77473 (1.0.0)
    package77474 (1.0.0)
    package77475 (1.0.0)
    package77476 (1.0.0)
    package77477 (1.0.0)
    package77478 (1.0.0)
    package77479 (1.0.0)
    package77480 (1.0.0)
    package77481 (1.0.0)
    package77482 (1.0.0)
    package77483 (1.0.0)
    package77484 (1.0.0)
    package77485 (1.0.0)
    package77486 (1.0.0)
    package77487 (1.0.0)
    package77488 (1.0.0)
    package77489 (1.0.0)
    package77490 (1.0.0)
    package77491 (1.0.0)
    package77492 (1.0.0)
    package77493 (1.0.0)
    package77494 (1.0.0)
    package77495 (1.0.0)
    package77496 (1.0.0)
    package77497 (1.0.0)
    package77498 (1.0.0)
    package77499 (1.0.0)
    package77500 (1.0.0)
    package77501 (1.0.0)
    package77502 (1.0.0)
    package77503 (1.0.0)
    package77504 (1.0.0)
    package77505 (1.0.0)
    package77506 (1.0.0)
    package77507 (1.0.0)
    package77508 (1.0.0)
    package77509 (1.0.0)
    package77510 (1.0.0)
    package77511 (1.0.0)
    package77512 (1.0.0)
    package77513 (1.0.0)
    package77514 (1.0.0)
    package77515 (1.0.0)
    package77516 (1.0.0)
    package77517 (1.0.0)
    package77518 (1.0.0)
    package77519 (1.0.0)
    package77520 (1.0.0)
    package77521 (1.0.0)
    package77522 (1.0.0)
    package77523 (1.0.0)
    package77524 (1.0.0)
    package77525 (1.0.0)
    package77526 (1.0.0)
    package77527 (1.0.0)
    package77528 (1.0.0)
    package77529 (1.0.0)
    package77530 (1.0.0)
    package77531 (1.0.0)
    package77532 (1.0.0)
    package77533 (1.0.0)
    package77534 (1.0.0)
    package77535 (1.0.0)
    package77536 (1.0.0)
    package77537 (1.0.0)
    package77538 (1.0.0)
    package77539 (1.0.0)
    package77540 (1.0.0)
    package77541 (1.0.0)
    package77542 (1.0.0)
    package77543 (1.0.0)
    package77544 (1.0.0)
    package77545 (1.0.0)
    package77546 (1.0.0)
    package77547 (1.0.0)
    package77548 (1.0.0)
    package77549 (1.0.0)
    package77550 (1.0.0)
    package77551 (1.0.0)
    package77552 (1.0.0)
    package77553 (1.0.0)
    package77554 (1.0.0)
    package77555 (1.0.0)
    package77556 (1.0.0)
    package77557 (1.0.0)
    package77558 (1.0.0)
    package77559 (1.0.0)
    package77560 (1.0.0)
    package77561 (1.0.0)
    package77562 (1.0.0)
    package77563 (1.0.0)
    package77564 (1.0.0)
    package77565 (1.0.0)
    package77566 (1.0.0)
    package77567 (1.0.0)
    package77568 (1.0.0)
    package77569 (1.0.0)
    package77570 (1.0.0)
    package77571 (1.0.0)
    package77572 (1.0.0)
    package77573 (1.0.0)
    package77574 (1.0.0)
    package77575 (1.0.0)
    package77576 (1.0.0)
    package77577 (1.0.0)
    package77578 (1.0.0)
    package77579 (1.0.0)
    package77580 (1.0.0)
    package77581 (1.0.0)
    package77582 (1.0.0)
    package77583 (1.0.0)
    package77584 (1.0.0)
    package77585 (1.0.0)
    package77586 (1.0.0)
    package77587 (1.0.0)
    package77588 (1.0.0)
    package77589 (1.0.0)
    package77590 (1.0.0)
    package77591 (1.0.0)
    package77592 (1.0.0)
    package77593 (1.0.0)
    package77594 (1.0.0)
    package77595 (1.0.0)
    package77596 (1.0.0)
    package77597 (1.0.0)
    package77598 (1.0.0)
    package77599 (1.0.0)
    package77600 (1.0.0)
    package77601 (1.0.0)
    package77602 (1.0.0)
    package77603 (1.0.0)
    package77604 (1.0.0)
    package77605 (1.0.0)
    package77606 (1.0.0)
    package77607 (1.0.0)
    package77608 (1.0.0)
    package77609 (1.0.0)
    package77610 (1.0.0)
    package77611 (1.0.0)
    package77612 (1.0.0)
    package77613 (1.0.0)
    package77614 (1.0.0)
    package77615 (1.0.0)
    package77616 (1.0.0)
    package77617 (1.0.0)
    package77618 (1.0.0)
    package77619 (1.0.0)
    package77620 (1.0.0)
    package77621 (1.0.0)
    package77622 (1.0.0)
    package77623 (1.0.0)
    package77624 (1.0.0)
    package77625 (1.0.0)
    package77626 (1.0.0)
    package77627 (1.0.0)
    package77628 (1.0.0)
    package77629 (1.0.0)
    package77630 (1.0.0)
    package77631 (1.0.0)
    package77632 (1.0.0)
    package77633 (1.0.0)
    package77634 (1.0.0)
    package77635 (1.0.0)
    package77636 (1.0.0)
    package77637 (1.0.0)
    package77638 (1.0.0)
    package77639 (1.0.0)
    package77640 (1.0.0)
    package77641 (1.0.0)
    package77642 (1.0.0)
    package77643 (1.0.0)
    package77644 (1.0.0)
    package77645 (1.0.0)
    package77646 (1.0.0)
    package77647 (1.0.0)
    package77648 (1.0.0)
    package77649 (1.0.0)
    package77650 (1.0.0)
    package77651 (1.0.0)
    package77652 (1.0.0)
    package77653 (1.0.0)
    package77654 (1.0.0)
    package77655 (1.0.0)
    package77656 (1.0.0)
    package77657 (1.0.0)
    package77658 (1.0.0)
    package77659 (1.0.0)
    package77660 (1.0.0)
    package77661 (1.0.0)
    package77662 (1.0.0)
    package77663 (1.0.0)
    package77664 (1.0.0)
    package77665 (1.0.0)
    package77666 (1.0.0)
    package77667 (1.0.0)
    package77668 (1.0.0)
    package77669 (1.0.0)
    package77670 (1.0.0)
    package77671 (1.0.0)
    package77672 (1.0.0)
    package77673 (1.0.0)
    package77674 (1.0.0)
    package77675 (1.0.0)
    package77676 (1.0.0)
    package77677 (1.0.0)
    package77678 (1.0.0)
    package77679 (1.0.0)
    package77680 (1.0.0)
    package77681 (1.0.0)
    package77682 (1.0.0)
    package77683 (1.0.0)
    package77684 (1.0.0)
    package77685 (1.0.0)
    package77686 (1.0.0)
    package77687 (1.0.0)
    package77688 (1.0.0)
    package77689 (1.0.0)
    package77690 (1.0.0)
    package77691 (1.0.0)
    package77692 (1.0.0)
    package77693 (1.0.0)
    package77694 (1.0.0)
    package77695 (1.0.0)
    package77696 (1.0.0)
    package77697 (1.0.0)
    package77698 (1.0.0)
    package77699 (1.0.0)
    package77700 (1.0.0)
    package77701 (1.0.0)
    package77702 (1.0.0)
    package77703 (1.0.0)
    package77704 (1.0.0)
    package77705 (1.0.0)
    package77706 (1.0.0)
    package77707 (1.0.0)
    package77708 (1.0.0)
    package77709 (1.0.0)
    package77710 (1.0.0)
    package77711 (1.0.0)
    package77712 (1.0.0)
    package77713 (1.0.0)
    package77714 (1.0.0)
    package77715 (1.0.0)
    package77716 (1.0.0)
    package77717 (1.0.0)
    package77718 (1.0.0)
    package77719 (1.0.0)
    package77720 (1.0.0)
    package77721 (1.0.0)
    package77722 (1.0.0)
    package77723 (1.0.0)
    package77724 (1.0.0)
    package77725 (1.0.0)
    package77726 (1.0.0)
    package77727 (1.0.0)
    package77728 (1.0.0)
    package77729 (1.0.0)
    package77730 (1.0.0)
    package77731 (1.0.0)
    package77732 (1.0.0)
    package77733 (1.0.0)
    package77734 (1.0.0)
    package77735 (1.0.0)
    package77736 (1.0.0)
    package77737 (1.0.0)
    package77738 (1.0.0)
    package77739 (1.0.0)
    package77740 (1.0.0)
    package77741 (1.0.0)
    package77742 (1.0.0)
    package77743 (1.0.0)
    package77744 (1.0.0)
    package77745 (1.0.0)
    package77746 (1.0.0)
    package77747 (1.0.0)
    package77748 (1.0.0)
    package77749 (1.0.0)
    package77750 (1.0.0)
    package77751 (1.0.0)
    package77752 (1.0.0)
    package77753 (1.0.0)
    package77754 (1.0.0)
    package77755 (1.0.0)
    package77756 (1.0.0)
    package77757 (1.0.0)
    package77758 (1.0.0)
    package77759 (1.0.0)
    package77760 (1.0.0)
    package77761 (1.0.0)
    package77762 (1.0.0)
    package77763 (1.0.0)
    package77764 (1.0.0)
    package77765 (1.0.0)
    package77766 (1.0.0)
    package77767 (1.0.0)
    package77768 (1.0.0)
    package77769 (1.0.0)
    package77770 (1.0.0)
    package77771 (1.0.0)
    package77772 (1.0.0)
    package77773 (1.0.0)
    package77774 (1.0.0)
    package77775 (1.0.0)
    package77776 (1.0.0)
    package77777 (1.0.0)
    package77778 (1.0.0)
    package77779 (1.0.0)
    package77780 (1.0.0)
    package77781 (1.0.0)
    package77782 (1.0.0)
    package77783 (1.0.0)
    package77784 (1.0.0)
    package77785 (1.0.0)
    package77786 (1.0.0)
    package77787 (1.0.0)
    package77788 (1.0.0)
    package77789 (1.0.0)
    package77790 (1.0.0)
    package77791 (1.0.0)
    package77792 (1.0.0)
    package77793 (1.0.0)
    package77794 (1.0.0)
    package77795 (1.0.0)
    package77796 (1.0.0)
    package77797 (1.0.0)
    package77798 (1.0.0)
    package77799 (1.0.0)
    package77800 (1.0.0)
    package77801 (1.0.0)
    package77802 (1.0.0)
    package77803 (1.0.0)
    package77804 (1.0.0)
    package77805 (1.0.0)
    package77806 (1.0.0)
    package77807 (1.0.0)
    package77808 (1.0.0)
    package77809 (1.0.0)
    package77810 (1.0.0)
    package77811 (1.0.0)
    package77812 (1.0.0)
    package77813 (1.0.0)
    package77814 (1.0.0)
    package77815 (1.0.0)
    package77816 (1.0.0)
    package77817 (1.0.0)
    package77818 (1.0.0)
    package77819 (1.0.0)
    package77820 (1.0.0)
    package77821 (1.0.0)
    package77822 (1.0.0)
    package77823 (1.0.0)
    package77824 (1.0.0)
    package77825 (1.0.0)
    package77826 (1.0.0)
    package77827 (1.0.0)
    package77828 (1.0.0)
    package77829 (1.0.0)
    package77830 (1.0.0)
    package77831 (1.0.0)
    package77832 (1.0.0)
    package77833 (1.0.0)
    package77834 (1.0.0)
    package77835 (1.0.0)
    package77836 (1.0.0)
    package77837 (1.0.0)
    package77838 (1.0.0)
    package77839 (1.0.0)
    package77840 (1.0.0)
    package77841 (1.0.0)
    package77842 (1.0.0)
    package77843 (1.0.0)
    package77844 (1.0.0)
    package77845 (1.0.0)
    package77846 (1.0.0)
    package77847 (1.0.0)
    package77848 (1.0.0)
    package77849 (1.0.0)
    package77850 (1.0.0)
    package77851 (1.0.0)
    package77852 (1.0.0)
    package77853 (1.0.0)
    package77854 (1.0.0)
    package77855 (1.0.0)
    package77856 (1.0.0)
    package77857 (1.0.0)
    package77858 (1.0.0)
    package77859 (1.0.0)
    package77860 (1.0.0)
    package77861 (1.0.0)
    package77862 (1.0.0)
    package77863 (1.0.0)
    package77864 (1.0.0)
    package77865 (1.0.0)
    package77866 (1.0.0)
    package77867 (1.0.0)
    package77868 (1.0.0)
    package77869 (1.0.0)
    package77870 (1.0.0)
    package77871 (1.0.0)
    package77872 (1.0.0)
    package77873 (1.0.0)
    package77874 (1.0.0)
    package77875 (1.0.0)
    package77876 (1.0.0)
    package77877 (1.0.0)
    package77878 (1.0.0)
    package77879 (1.0.0)
    package77880 (1.0.0)
    package77881 (1.0.0)
    package77882 (1.0.0)
    package77883 (1.0.0)
    package77884 (1.0.0)
    package77885 (1.0.0)
    package77886 (1.0.0)
    package77887 (1.0.0)
    package77888 (1.0.0)
    package77889 (1.0.0)
    package77890 (1.0.0)
    package77891 (1.0.0)
    package77892 (1.0.0)
    package77893 (1.0.0)
    package77894 (1.0.0)
    package77895 (1.0.0)
    package77896 (1.0.0)
    package77897 (1.0.0)
    package77898 (1.0.0)
    package77899 (1.0.0)
    package77900 (1.0.0)
    package77901 (1.0.0)
    package77902 (1.0.0)
    package77903 (1.0.0)
    package77904 (1.0.0)
    package77905 (1.0.0)
    package77906 (1.0.0)
    package77907 (1.0.0)
    package77908 (1.0.0)
    package77909 (1.0.0)
    package77910 (1.0.0)
    package77911 (1.0.0)
    package77912 (1.0.0)
    package77913 (1.0.0)
    package77914 (1.0.0)
    package77915 (1.0.0)
    package77916 (1.0.0)
    package77917 (1.0.0)
    package77918 (1.0.0)
    package77919 (1.0.0)
    package77920 (1.0.0)
    package77921 (1.0.0)
    package77922 (1.0.0)
    package77923 (1.0.0)
    package77924 (1.0.0)
    package77925 (1.0.0)
    package77926 (1.0.0)
    package77927 (1.0.0)
    package77928 (1.0.0)
    package77929 (1.0.0)
    package77930 (1.0.0)
    package77931 (1.0.0)
    package77932 (1.0.0)
    package77933 (1.0.0)
    package77934 (1.0.0)
    package77935 (1.0.0)
    package77936 (1.0.0)
    package77937 (1.0.0)
    package77938 (1.0.0)
    package77939 (1.0.0)
    package77940 (1.0.0)
    package77941 (1.0.0)
    package77942 (1.0.0)
    package77943 (1.0.0)
    package77944 (1.0.0)
    package77945 (1.0.0)
    package77946 (1.0.0)
    package77947 (1.0.0)
    package77948 (1.0.0)
    package77949 (1.0.0)
    package77950 (1.0.0)
    package77951 (1.0.0)
    package77952 (1.0.0)
    package77953 (1.0.0)
    package77954 (1.0.0)
    package77955 (1.0.0)
    package77956 (1.0.0)
    package77957 (1.0.0)
    package77958 (1.0.0)
    package77959 (1.0.0)
    package77960 (1.0.0)
    package77961 (1.0.0)
    package77962 (1.0.0)
    package77963 (1.0.0)
    package77964 (1.0.0)
    package77965 (1.0.0)
    package77966 (1.0.0)
    package77967 (1.0.0)
    package77968 (1.0.0)
    package77969 (1.0.0)
    package77970 (1.0.0)
    package77971 (1.0.0)
    package77972 (1.0.0)
    package77973 (1.0.0)
    package77974 (1.0.0)
    package77975 (1.0.0)
    package77976 (1.0.0)
    package77977 (1.0.0)
    package77978 (1.0.0)
    package77979 (1.0.0)
    package77980 (1.0.0)
    package77981 (1.0.0)
    package77982 (1.0.0)
    package77983 (1.0.0)
    package77984 (1.0.0)
    package77985 (1.0.0)
    package77986 (1.0.0)
    package77987 (1.0.0)
    package77988 (1.0.0)
    package77989 (1.0.0)
    package77990 (1.0.0)
    package77991 (1.0.0)
    package77992 (1.0.0)
    package77993 (1.0.0)
    package77994 (1.0.0)
    package77995 (1.0.0)
    package77996 (1.0.0)
    package77997 (1.0.0)
    package77998 (1.0.0)
    package77999 (1.0.0)
    package78000 (1.0.0)
    package78001 (1.0.0)
    package78002 (1.0.0)
    package78003 (1.0.0)
    package78004 (1.0.0)
    package78005 (1.0.0)
    package78006 (1.0.0)
    package78007 (1.0.0)
    package78008 (1.0.0)
    package78009 (1.0.0)
    package78010 (1.0.0)
    package78011 (1.0.0)
    package78012 (1.0.0)
    package78013 (1.0.0)
    package78014 (1.0.0)
    package78015 (1.0.0)
    package78016 (1.0.0)
    package78017 (1.0.0)
    package78018 (1.0.0)
    package78019 (1.0.0)
    package78020 (1.0.0)
    package78021 (1.0.0)
    package78022 (1.0.0)
    package78023 (1.0.0)
    package78024 (1.0.0)
    package78025 (1.0.0)
    package78026 (1.0.0)
    package78027 (1.0.0)
    package78028 (1.0.0)
    package78029 (1.0.0)
    package78030 (1.0.0)
    package78031 (1.0.0)
    package78032 (1.0.0)
    package78033 (1.0.0)
    package78034 (1.0.0)
    package78035 (1.0.0)
    package78036 (1.0.0)
    package78037 (1.0.0)
    package78038 (1.0.0)
    package78039 (1.0.0)
    package78040 (1.0.0)
    package78041 (1.0.0)
    package78042 (1.0.0)
    package78043 (1.0.0)
    package78044 (1.0.0)
    package78045 (1.0.0)
    package78046 (1.0.0)
    package78047 (1.0.0)
    package78048 (1.0.0)
    package78049 (1.0.0)
    package78050 (1.0.0)
    package78051 (1.0.0)
    package78052 (1.0.0)
    package78053 (1.0.0)
    package78054 (1.0.0)
    package78055 (1.0.0)
    package78056 (1.0.0)
    package78057 (1.0.0)
    package78058 (1.0.0)
    package78059 (1.0.0)
    package78060 (1.0.0)
    package78061 (1.0.0)
    package78062 (1.0.0)
    package78063 (1.0.0)
    package78064 (1.0.0)
    package78065 (1.0.0)
    package78066 (1.0.0)
    package78067 (1.0.0)
    package78068 (1.0.0)
    package78069 (1.0.0)
    package78070 (1.0.0)
    package78071 (1.0.0)
    package78072 (1.0.0)
    package78073 (1.0.0)
    package78074 (1.0.0)
    package78075 (1.0.0)
    package78076 (1.0.0)
    package78077 (1.0.0)
    package78078 (1.0.0)
    package78079 (1.0.0)
    package78080 (1.0.0)
    package78081 (1.0.0)
    package78082 (1.0.0)
    package78083 (1.0.0)
    package78084 (1.0.0)
    package78085 (1.0.0)
    package78086 (1.0.0)
    package78087 (1.0.0)
    package78088 (1.0.0)
    package78089 (1.0.0)
    package78090 (1.0.0)
    package78091 (1.0.0)
    package78092 (1.0.0)
    package78093 (1.0.0)
    package78094 (1.0.0)
    package78095 (1.0.0)
    package78096 (1.0.0)
    package78097 (1.0.0)
    package78098 (1.0.0)
    package78099 (1.0.0)
    package78100 (1.0.0)
    package78101 (1.0.0)
    package78102 (1.0.0)
    package78103 (1.0.0)
    package78104 (1.0.0)
    package78105 (1.0.0)
    package78106 (1.0.0)
    package78107 (1.0.0)
    package78108 (1.0.0)
    package78109 (1.0.0)
    package78110 (1.0.0)
    package78111 (1.0.0)
    package78112 (1.0.0)
    package78113 (1.0.0)
    package78114 (1.0.0)
    package78115 (1.0.0)
    package78116 (1.0.0)
    package78117 (1.0.0)
    package78118 (1.0.0)
    package78119 (1.0.0)
    package78120 (1.0.0)
    package78121 (1.0.0)
    package78122 (1.0.0)
    package78123 (1.0.0)
    package78124 (1.0.0)
    package78125 (1.0.0)
    package78126 (1.0.0)
    package78127 (1.0.0)
    package78128 (1.0.0)
    package78129 (1.0.0)
    package78130 (1.0.0)
    package78131 (1.0.0)
    package78132 (1.0.0)
    package78133 (1.0.0)
    package78134 (1.0.0)
    package78135 (1.0.0)
    package78136 (1.0.0)
    package78137 (1.0.0)
    package78138 (1.0.0)
    package78139 (1.0.0)
    package78140 (1.0.0)
    package78141 (1.0.0)
    package78142 (1.0.0)
    package78143 (1.0.0)
    package78144 (1.0.0)
    package78145 (1.0.0)
    package78146 (1.0.0)
    package78147 (1.0.0)
    package78148 (1.0.0)
    package78149 (1.0.0)
    package78150 (1.0.0)
    package78151 (1.0.0)
    package78152 (1.0.0)
    package78153 (1.0.0)
    package78154 (1.0.0)
    package78155 (1.0.0)
    package78156 (1.0.0)
    package78157 (1.0.0)
    package78158 (1.0.0)
    package78159 (1.0.0)
    package78160 (1.0.0)
    package78161 (1.0.0)
    package78162 (1.0.0)
    package78163 (1.0.0)
    package78164 (1.0.0)
    package78165 (1.0.0)
    package78166 (1.0.0)
    package78167 (1.0.0)
    package78168 (1.0.0)
    package78169 (1.0.0)
    package78170 (1.0.0)
    package78171 (1.0.0)
    package78172 (1.0.0)
    package78173 (1.0.0)
    package78174 (1.0.0)
    package78175 (1.0.0)
    package78176 (1.0.0)
    package78177 (1.0.0)
    package78178 (1.0.0)
    package78179 (1.0.0)
    package78180 (1.0.0)
    package78181 (1.0.0)
    package78182 (1.0.0)
    package78183 (1.0.0)
    package78184 (1.0.0)
    package78185 (1.0.0)
    package78186 (1.0.0)
    package78187 (1.0.0)
    package78188 (1.0.0)
    package78189 (1.0.0)
    package78190 (1.0.0)
    package78191 (1.0.0)
    package78192 (1.0.0)
    package78193 (1.0.0)
    package78194 (1.0.0)
    package78195 (1.0.0)
    package78196 (1.0.0)
    package78197 (1.0.0)
    package78198 (1.0.0)
    package78199 (1.0.0)
    package78200 (1.0.0)
    package78201 (1.0.0)
    package78202 (1.0.0)
    package78203 (1.0.0)
    package78204 (1.0.0)
    package78205 (1.0.0)
    package78206 (1.0.0)
    package78207 (1.0.0)
    package78208 (1.0.0)
    package78209 (1.0.0)
    package78210 (1.0.0)
    package78211 (1.0.0)
    package78212 (1.0.0)
    package78213 (1.0.0)
    package78214 (1.0.0)
    package78215 (1.0.0)
    package78216 (1.0.0)
    package78217 (1.0.0)
    package78218 (1.0.0)
    package78219 (1.0.0)
    package78220 (1.0.0)
    package78221 (1.0.0)
    package78222 (1.0.0)
    package78223 (1.0.0)
    package78224 (1.0.0)
    package78225 (1.0.0)
    package78226 (1.0.0)
    package78227 (1.0.0)
    package78228 (1.0.0)
    package78229 (1.0.0)
    package78230 (1.0.0)
    package78231 (1.0.0)
    package78232 (1.0.0)
    package78233 (1.0.0)
    package78234 (1.0.0)
    package78235 (1.0.0)
    package78236 (1.0.0)
    package78237 (1.0.0)
    package78238 (1.0.0)
    package78239 (1.0.0)
    package78240 (1.0.0)
    package78241 (1.0.0)
    package78242 (1.0.0)
    package78243 (1.0.0)
    package78244 (1.0.0)
    package78245 (1.0.0)
    package78246 (1.0.0)
    package78247 (1.0.0)
    package78248 (1.0.0)
    package78249 (1.0.0)
    package78250 (1.0.0)
    package78251 (1.0.0)
    package78252 (1.0.0)
    package78253 (1.0.0)
    package78254 (1.0.0)
    package78255 (1.0.0)
    package78256 (1.0.0)
    package78257 (1.0.0)
    package78258 (1.0.0)
    package78259 (1.0.0)
    package78260 (1.0.0)
    package78261 (1.0.0)
    package78262 (1.0.0)
    package78263 (1.0.0)
    package78264 (1.0.0)
    package78265 (1.0.0)
    package78266 (1.0.0)
    package78267 (1.0.0)
    package78268 (1.0.0)
    package78269 (1.0.0)
    package78270 (1.0.0)
    package78271 (1.0.0)
    package78272 (1.0.0)
    package78273 (1.0.0)
    package78274 (1.0.0)
    package78275 (1.0.0)
    package78276 (1.0.0)
    package78277 (1.0.0)
    package78278 (1.0.0)
    package78279 (1.0.0)
    package78280 (1.0.0)
    package78281 (1.0.0)
    package78282 (1.0.0)
    package78283 (1.0.0)
    package78284 (1.0.0)
    package78285 (1.0.0)
    package78286 (1.0.0)
    package78287 (1.0.0)
    package78288 (1.0.0)
    package78289 (1.0.0)
    package78290 (1.0.0)
    package78291 (1.0.0)
    package78292 (1.0.0)
    package78293 (1.0.0)
    package78294 (1.0.0)
    package78295 (1.0.0)
    package78296 (1.0.0)
    package78297 (1.0.0)
    package78298 (1.0.0)
    package78299 (1.0.0)
    package78300 (1.0.0)
    package78301 (1.0.0)
    package78302 (1.0.0)
    package78303 (1.0.0)
    package78304 (1.0.0)
    package78305 (1.0.0)
    package78306 (1.0.0)
    package78307 (1.0.0)
    package78308 (1.0.0)
    package78309 (1.0.0)
    package78310 (1.0.0)
    package78311 (1.0.0)
    package78312 (1.0.0)
    package78313 (1.0.0)
    package78314 (1.0.0)
    package78315 (1.0.0)
    package78316 (1.0.0)
    package78317 (1.0.0)
    package78318 (1.0.0)
    package78319 (1.0.0)
    package78320 (1.0.0)
    package78321 (1.0.0)
    package78322 (1.0.0)
    package78323 (1.0.0)
    package78324 (1.0.0)
    package78325 (1.0.0)
    package78326 (1.0.0)
    package78327 (1.0.0)
    package78328 (1.0.0)
    package78329 (1.0.0)
    package78330 (1.0.0)
    package78331 (1.0.0)
    package78332 (1.0.0)
    package78333 (1.0.0)
    package78334 (1.0.0)
    package78335 (1.0.0)
    package78336 (1.0.0)
    package78337 (1.0.0)
    package78338 (1.0.0)
    package78339 (1.0.0)
    package78340 (1.0.0)
    package78341 (1.0.0)
    package78342 (1.0.0)
    package78343 (1.0.0)
    package78344 (1.0.0)
    package78345 (1.0.0)
    package78346 (1.0.0)
    package78347 (1.0.0)
    package78348 (1.0.0)
    package78349 (1.0.0)
    package78350 (1.0.0)
    package78351 (1.0.0)
    package78352 (1.0.0)
    package78353 (1.0.0)
    package78354 (1.0.0)
    package78355 (1.0.0)
    package78356 (1.0.0)
    package78357 (1.0.0)
    package78358 (1.0.0)
    package78359 (1.0.0)
    package78360 (1.0.0)
    package78361 (1.0.0)
    package78362 (1.0.0)
    package78363 (1.0.0)
    package78364 (1.0.0)
    package78365 (1.0.0)
    package78366 (1.0.0)
    package78367 (1.0.0)
    package78368 (1.0.0)
    package78369 (1.0.0)
    package78370 (1.0.0)
    package78371 (1.0.0)
    package78372 (1.0.0)
    package78373 (1.0.0)
    package78374 (1.0.0)
    package78375 (1.0.0)
    package78376 (1.0.0)
    package78377 (1.0.0)
    package78378 (1.0.0)
    package78379 (1.0.0)
    package78380 (1.0.0)
    package78381 (1.0.0)
    package78382 (1.0.0)
    package78383 (1.0.0)
    package78384 (1.0.0)
    package78385 (1.0.0)
    package78386 (1.0.0)
    package78387 (1.0.0)
    package78388 (1.0.0)
    package78389 (1.0.0)
    package78390 (1.0.0)
    package78391 (1.0.0)
    package78392 (1.0.0)
    package78393 (1.0.0)
    package78394 (1.0.0)
    package78395 (1.0.0)
    package78396 (1.0.0)
    package78397 (1.0.0)
    package78398 (1.0.0)
    package78399 (1.0.0)
    package78400 (1.0.0)
    package78401 (1.0.0)
    package78402 (1.0.0)
    package78403 (1.0.0)
    package78404 (1.0.0)
    package78405 (1.0.0)
    package78406 (1.0.0)
    package78407 (1.0.0)
    package78408 (1.0.0)
    package78409 (1.0.0)
    package78410 (1.0.0)
    package78411 (1.0.0)
    package78412 (1.0.0)
    package78413 (1.0.0)
    package78414 (1.0.0)
    package78415 (1.0.0)
    package78416 (1.0.0)
    package78417 (1.0.0)
    package78418 (1.0.0)
    package78419 (1.0.0)
    package78420 (1.0.0)
    package78421 (1.0.0)
    package78422 (1.0.0)
    package78423 (1.0.0)
    package78424 (1.0.0)
    package78425 (1.0.0)
    package78426 (1.0.0)
    package78427 (1.0.0)
    package78428 (1.0.0)
    package78429 (1.0.0)
    package78430 (1.0.0)
    package78431 (1.0.0)
    package78432 (1.0.0)
    package78433 (1.0.0)
    package78434 (1.0.0)
    package78435 (1.0.0)
    package78436 (1.0.0)
    package78437 (1.0.0)
    package78438 (1.0.0)
    package78439 (1.0.0)
    package78440 (1.0.0)
    package78441 (1.0.0)
    package78442 (1.0.0)
    package78443 (1.0.0)
    package78444 (1.0.0)
    package78445 (1.0.0)
    package78446 (1.0.0)
    package78447 (1.0.0)
    package78448 (1.0.0)
    package78449 (1.0.0)
    package78450 (1.0.0)
    package78451 (1.0.0)
    package78452 (1.0.0)
    package78453 (1.0.0)
    package78454 (1.0.0)
    package78455 (1.0.0)
    package78456 (1.0.0)
    package78457 (1.0.0)
    package78458 (1.0.0)
    package78459 (1.0.0)
    package78460 (1.0.0)
    package78461 (1.0.0)
    package78462 (1.0.0)
    package78463 (1.0.0)
    package78464 (1.0.0)
    package78465 (1.0.0)
    package78466 (1.0.0)
    package78467 (1.0.0)
    package78468 (1.0.0)
    package78469 (1.0.0)
    package78470 (1.0.0)
    package78471 (1.0.0)
    package78472 (1.0.0)
    package78473 (1.0.0)
    package78474 (1.0.0)
    package78475 (1.0.0)
    package78476 (1.0.0)
    package78477 (1.0.0)
    package78478 (1.0.0)
    package78479 (1.0.0)
    package78480 (1.0.0)
    package78481 (1.0.0)
    package78482 (1.0.0)
    package78483 (1.0.0)
    package78484 (1.0.0)
    package78485 (1.0.0)
    package78486 (1.0.0)
    package78487 (1.0.0)
    package78488 (1.0.0)
    package78489 (1.0.0)
    package78490 (1.0.0)
    package78491 (1.0.0)
    package78492 (1.0.0)
    package78493 (1.0.0)
    package78494 (1.0.0)
    package78495 (1.0.0)
    package78496 (1.0.0)
    package78497 (1.0.0)
    package78498 (1.0.0)
    package78499 (1.0.0)
    package78500 (1.0.0)
    package78501 (1.0.0)
    package78502 (1.0.0)
    package78503 (1.0.0)
    package78504 (1.0.0)
    package78505 (1.0.0)
    package78506 (1.0.0)
    package78507 (1.0.0)
    package78508 (1.0.0)
    package78509 (1.0.0)
    package78510 (1.0.0)
    package78511 (1.0.0)
    package78512 (1.0.0)
    package78513 (1.0.0)
    package78514 (1.0.0)
    package78515 (1.0.0)
    package78516 (1.0.0)
    package78517 (1.0.0)
    package78518 (1.0.0)
    package78519 (1.0.0)
    package78520 (1.0.0)
    package78521 (1.0.0)
    package78522 (1.0.0)
    package78523 (1.0.0)
    package78524 (1.0.0)
    package78525 (1.0.0)
    package78526 (1.0.0)
    package78527 (1.0.0)
    package78528 (1.0.0)
    package78529 (1.0.0)
    package78530 (1.0.0)
    package78531 (1.0.0)
    package78532 (1.0.0)
    package78533 (1.0.0)
    package78534 (1.0.0)
    package78535 (1.0.0)
    package78536 (1.0.0)
    package78537 (1.0.0)
    package78538 (1.0.0)
    package78539 (1.0.0)
    package78540 (1.0.0)
    package78541 (1.0.0)
    package78542 (1.0.0)
    package78543 (1.0.0)
    package78544 (1.0.0)
    package78545 (1.0.0)
    package78546 (1.0.0)
    package78547 (1.0.0)
    package78548 (1.0.0)
    package78549 (1.0.0)
    package78550 (1.0.0)
    package78551 (1.0.0)
    package78552 (1.0.0)
    package78553 (1.0.0)
    package78554 (1.0.0)
    package78555 (1.0.0)
    package78556 (1.0.0)
    package78557 (1.0.0)
    package78558 (1.0.0)
    package78559 (1.0.0)
    package78560 (1.0.0)
    package78561 (1.0.0)
    package78562 (1.0.0)
    package78563 (1.0.0)
    package78564 (1.0.0)
    package78565 (1.0.0)
    package78566 (1.0.0)
    package78567 (1.0.0)
    package78568 (1.0.0)
    package78569 (1.0.0)
    package78570 (1.0.0)
    package78571 (1.0.0)
    package78572 (1.0.0)
    package78573 (1.0.0)
    package78574 (1.0.0)
    package78575 (1.0.0)
    package78576 (1.0.0)
    package78577 (1.0.0)
    package78578 (1.0.0)
    package78579 (1.0.0)
    package78580 (1.0.0)
    package78581 (1.0.0)
    package78582 (1.0.0)
    package78583 (1.0.0)
    package78584 (1.0.0)
    package78585 (1.0.0)
    package78586 (1.0.0)
    package78587 (1.0.0)
    package78588 (1.0.0)
    package78589 (1.0.0)
    package78590 (1.0.0)
    package78591 (1.0.0)
    package78592 (1.0.0)
    package78593 (1.0.0)
    package78594 (1.0.0)
    package78595 (1.0.0)
    package78596 (1.0.0)
    package78597 (1.0.0)
    package78598 (1.0.0)
    package78599 (1.0.0)
    package78600 (1.0.0)
    package78601 (1.0.0)
    package78602 (1.0.0)
    package78603 (1.0.0)
    package78604 (1.0.0)
    package78605 (1.0.0)
    package78606 (1.0.0)
    package78607 (1.0.0)
    package78608 (1.0.0)
    package78609 (1.0.0)
    package78610 (1.0.0)
    package78611 (1.0.0)
    package78612 (1.0.0)
    package78613 (1.0.0)
    package78614 (1.0.0)
    package78615 (1.0.0)
    package78616 (1.0.0)
    package78617 (1.0.0)
    package78618 (1.0.0)
    package78619 (1.0.0)
    package78620 (1.0.0)
    package78621 (1.0.0)
    package78622 (1.0.0)
    package78623 (1.0.0)
    package78624 (1.0.0)
    package78625 (1.0.0)
    package78626 (1.0.0)
    package78627 (1.0.0)
    package78628 (1.0.0)
    package78629 (1.0.0)
    package78630 (1.0.0)
    package78631 (1.0.0)
    package78632 (1.0.0)
    package78633 (1.0.0)
    package78634 (1.0.0)
    package78635 (1.0.0)
    package78636 (1.0.0)
    package78637 (1.0.0)
    package78638 (1.0.0)
    package78639 (1.0.0)
    package78640 (1.0.0)
    package78641 (1.0.0)
    package78642 (1.0.0)
    package78643 (1.0.0)
    package78644 (1.0.0)
    package78645 (1.0.0)
    package78646 (1.0.0)
    package78647 (1.0.0)
    package78648 (1.0.0)
    package78649 (1.0.0)
    package78650 (1.0.0)
    package78651 (1.0.0)
    package78652 (1.0.0)
    package78653 (1.0.0)
    package78654 (1.0.0)
    package78655 (1.0.0)
    package78656 (1.0.0)
    package78657 (1.0.0)
    package78658 (1.0.0)
    package78659 (1.0.0)
    package78660 (1.0.0)
    package78661 (1.0.0)
    package78662 (1.0.0)
    package78663 (1.0.0)
    package78664 (1.0.0)
    package78665 (1.0.0)
    package78666 (1.0.0)
    package78667 (1.0.0)
    package78668 (1.0.0)
    package78669 (1.0.0)
    package78670 (1.0.0)
    package78671 (1.0.0)
    package78672 (1.0.0)
    package78673 (1.0.0)
    package78674 (1.0.0)
    package78675 (1.0.0)
    package78676 (1.0.0)
    package78677 (1.0.0)
    package78678 (1.0.0)
    package78679 (1.0.0)
    package78680 (1.0.0)
    package78681 (1.0.0)
    package78682 (1.0.0)
    package78683 (1.0.0)
    package78684 (1.0.0)
    package78685 (1.0.0)
    package78686 (1.0.0)
    package78687 (1.0.0)
    package78688 (1.0.0)
    package78689 (1.0.0)
    package78690 (1.0.0)
    package78691 (1.0.0)
    package78692 (1.0.0)
    package78693 (1.0.0)
    package78694 (1.0.0)
    package78695 (1.0.0)
    package78696 (1.0.0)
    package78697 (1.0.0)
    package78698 (1.0.0)
    package78699 (1.0.0)
    package78700 (1.0.0)
    package78701 (1.0.0)
    package78702 (1.0.0)
    package78703 (1.0.0)
    package78704 (1.0.0)
    package78705 (1.0.0)
    package78706 (1.0.0)
    package78707 (1.0.0)
    package78708 (1.0.0)
    package78709 (1.0.0)
    package78710 (1.0.0)
    package78711 (1.0.0)
    package78712 (1.0.0)
    package78713 (1.0.0)
    package78714 (1.0.0)
    package78715 (1.0.0)
    package78716 (1.0.0)
    package78717 (1.0.0)
    package78718 (1.0.0)
    package78719 (1.0.0)
    package78720 (1.0.0)
    package78721 (1.0.0)
    package78722 (1.0.0)
    package78723 (1.0.0)
    package78724 (1.0.0)
    package78725 (1.0.0)
    package78726 (1.0.0)
    package78727 (1.0.0)
    package78728 (1.0.0)
    package78729 (1.0.0)
    package78730 (1.0.0)
    package78731 (1.0.0)
    package78732 (1.0.0)
    package78733 (1.0.0)
    package78734 (1.0.0)
    package78735 (1.0.0)
    package78736 (1.0.0)
    package78737 (1.0.0)
    package78738 (1.0.0)
    package78739 (1.0.0)
    package78740 (1.0.0)
    package78741 (1.0.0)
    package78742 (1.0.0)
    package78743 (1.0.0)
    package78744 (1.0.0)
    package78745 (1.0.0)
    package78746 (1.0.0)
    package78747 (1.0.0)
    package78748 (1.0.0)
    package78749 (1.0.0)
    package78750 (1.0.0)
    package78751 (1.0.0)
    package78752 (1.0.0)
    package78753 (1.0.0)
    package78754 (1.0.0)
    package78755 (1.0.0)
    package78756 (1.0.0)
    package78757 (1.0.0)
    package78758 (1.0.0)
    package78759 (1.0.0)
    package78760 (1.0.0)
    package78761 (1.0.0)
    package78762 (1.0.0)
    package78763 (1.0.0)
    package78764 (1.0.0)
    package78765 (1.0.0)
    package78766 (1.0.0)
    package78767 (1.0.0)
    package78768 (1.0.0)
    package78769 (1.0.0)
    package78770 (1.0.0)
    package78771 (1.0.0)
    package78772 (1.0.0)
    package78773 (1.0.0)
    package78774 (1.0.0)
    package78775 (1.0.0)
    package78776 (1.0.0)
    package78777 (1.0.0)
    package78778 (1.0.0)
    package78779 (1.0.0)
    package78780 (1.0.0)
    package78781 (1.0.0)
    package78782 (1.0.0)
    package78783 (1.0.0)
    package78784 (1.0.0)
    package78785 (1.0.0)
    package78786 (1.0.0)
    package78787 (1.0.0)
    package78788 (1.0.0)
    package78789 (1.0.0)
    package78790 (1.0.0)
    package78791 (1.0.0)
    package78792 (1.0.0)
    package78793 (1.0.0)
    package78794 (1.0.0)
    package78795 (1.0.0)
    package78796 (1.0.0)
    package78797 (1.0.0)
    package78798 (1.0.0)
    package78799 (1.0.0)
    package78800 (1.0.0)
    package78801 (1.0.0)
    package78802 (1.0.0)
    package78803 (1.0.0)
    package78804 (1.0.0)
    package78805 (1.0.0)
    package78806 (1.0.0)
    package78807 (1.0.0)
    package78808 (1.0.0)
    package78809 (1.0.0)
    package78810 (1.0.0)
    package78811 (1.0.0)
    package78812 (1.0.0)
    package78813 (1.0.0)
    package78814 (1.0.0)
    package78815 (1.0.0)
    package78816 (1.0.0)
    package78817 (1.0.0)
    package78818 (1.0.0)
    package78819 (1.0.0)
    package78820 (1.0.0)
    package78821 (1.0.0)
    package78822 (1.0.0)
    package78823 (1.0.0)
    package78824 (1.0.0)
    package78825 (1.0.0)
    package78826 (1.0.0)
    package78827 (1.0.0)
    package78828 (1.0.0)
    package78829 (1.0.0)
    package78830 (1.0.0)
    package78831 (1.0.0)
    package78832 (1.0.0)
    package78833 (1.0.0)
    package78834 (1.0.0)
    package78835 (1.0.0)
    package78836 (1.0.0)
    package78837 (1.0.0)
    package78838 (1.0.0)
    package78839 (1.0.0)
    package78840 (1.0.0)
    package78841 (1.0.0)
    package78842 (1.0.0)
    package78843 (1.0.0)
    package78844 (1.0.0)
    package78845 (1.0.0)
    package78846 (1.0.0)
    package78847 (1.0.0)
    package78848 (1.0.0)
    package78849 (1.0.0)
    package78850 (1.0.0)
    package78851 (1.0.0)
    package78852 (1.0.0)
    package78853 (1.0.0)
    package78854 (1.0.0)
    package78855 (1.0.0)
    package78856 (1.0.0)
    package78857 (1.0.0)
    package78858 (1.0.0)
    package78859 (1.0.0)
    package78860 (1.0.0)
    package78861 (1.0.0)
    package78862 (1.0.0)
    package78863 (1.0.0)
    package78864 (1.0.0)
    package78865 (1.0.0)
    package78866 (1.0.0)
    package78867 (1.0.0)
    package78868 (1.0.0)
    package78869 (1.0.0)
    package78870 (1.0.0)
    package78871 (1.0.0)
    package78872 (1.0.0)
    package78873 (1.0.0)
    package78874 (1.0.0)
    package78875 (1.0.0)
    package78876 (1.0.0)
    package78877 (1.0.0)
    package78878 (1.0.0)
    package78879 (1.0.0)
    package78880 (1.0.0)
    package78881 (1.0.0)
    package78882 (1.0.0)
    package78883 (1.0.0)
    package78884 (1.0.0)
    package78885 (1.0.0)
    package78886 (1.0.0)
    package78887 (1.0.0)
    package78888 (1.0.0)
    package78889 (1.0.0)
    package78890 (1.0.0)
    package78891 (1.0.0)
    package78892 (1.0.0)
    package78893 (1.0.0)
    package78894 (1.0.0)
    package78895 (1.0.0)
    package78896 (1.0.0)
    package78897 (1.0.0)
    package78898 (1.0.0)
    package78899 (1.0.0)
    package78900 (1.0.0)
    package78901 (1.0.0)
    package78902 (1.0.0)
    package78903 (1.0.0)
    package78904 (1.0.0)
    package78905 (1.0.0)
    package78906 (1.0.0)
    package78907 (1.0.0)
    package78908 (1.0.0)
    package78909 (1.0.0)
    package78910 (1.0.0)
    package78911 (1.0.0)
    package78912 (1.0.0)
    package78913 (1.0.0)
    package78914 (1.0.0)
    package78915 (1.0.0)
    package78916 (1.0.0)
    package78917 (1.0.0)
    package78918 (1.0.0)
    package78919 (1.0.0)
    package78920 (1.0.0)
    package78921 (1.0.0)
    package78922 (1.0.0)
    package78923 (1.0.0)
    package78924 (1.0.0)
    package78925 (1.0.0)
    package78926 (1.0.0)
    package78927 (1.0.0)
    package78928 (1.0.0)
    package78929 (1.0.0)
    package78930 (1.0.0)
    package78931 (1.0.0)
    package78932 (1.0.0)
    package78933 (1.0.0)
    package78934 (1.0.0)
    package78935 (1.0.0)
    package78936 (1.0.0)
    package78937 (1.0.0)
    package78938 (1.0.0)
    package78939 (1.0.0)
    package78940 (1.0.0)
    package78941 (1.0.0)
    package78942 (1.0.0)
    package78943 (1.0.0)
    package78944 (1.0.0)
    package78945 (1.0.0)
    package78946 (1.0.0)
    package78947 (1.0.0)
    package78948 (1.0.0)
    package78949 (1.0.0)
    package78950 (1.0.0)
    package78951 (1.0.0)
    package78952 (1.0.0)
    package78953 (1.0.0)
    package78954 (1.0.0)
    package78955 (1.0.0)
    package78956 (1.0.0)
    package78957 (1.0.0)
    package78958 (1.0.0)
    package78959 (1.0.0)
    package78960 (1.0.0)
    package78961 (1.0.0)
    package78962 (1.0.0)
    package78963 (1.0.0)
    package78964 (1.0.0)
    package78965 (1.0.0)
    package78966 (1.0.0)
    package78967 (1.0.0)
    package78968 (1.0.0)
    package78969 (1.0.0)
    package78970 (1.0.0)
    package78971 (1.0.0)
    package78972 (1.0.0)
    package78973 (1.0.0)
    package78974 (1.0.0)
    package78975 (1.0.0)
    package78976 (1.0.0)
    package78977 (1.0.0)
    package78978 (1.0.0)
    package78979 (1.0.0)
    package78980 (1.0.0)
    package78981 (1.0.0)
    package78982 (1.0.0)
    package78983 (1.0.0)
    package78984 (1.0.0)
    package78985 (1.0.0)
    package78986 (1.0.0)
    package78987 (1.0.0)
    package78988 (1.0.0)
    package78989 (1.0.0)
    package78990 (1.0.0)
    package78991 (1.0.0)
    package78992 (1.0.0)
    package78993 (1.0.0)
    package78994 (1.0.0)
    package78995 (1.0.0)
    package78996 (1.0.0)
    package78997 (1.0.0)
    package78998 (1.0.0)
    package78999 (1.0.0)
    package79000 (1.0.0)
    package79001 (1.0.0)
    package79002 (1.0.0)
    package79003 (1.0.0)
    package79004 (1.0.0)
    package79005 (1.0.0)
    package79006 (1.0.0)
    package79007 (1.0.0)
    package79008 (1.0.0)
    package79009 (1.0.0)
    package79010 (1.0.0)
    package79011 (1.0.0)
    package79012 (1.0.0)
    package79013 (1.0.0)
    package79014 (1.0.0)
    package79015 (1.0.0)
    package79016 (1.0.0)
    package79017 (1.0.0)
    package79018 (1.0.0)
    package79019 (1.0.0)
    package79020 (1.0.0)
    package79021 (1.0.0)
    package79022 (1.0.0)
    package79023 (1.0.0)
    package79024 (1.0.0)
    package79025 (1.0.0)
    package79026 (1.0.0)
    package79027 (1.0.0)
    package79028 (1.0.0)
    package79029 (1.0.0)
    package79030 (1.0.0)
    package79031 (1.0.0)
    package79032 (1.0.0)
    package79033 (1.0.0)
    package79034 (1.0.0)
    package79035 (1.0.0)
    package79036 (1.0.0)
    package79037 (1.0.0)
    package79038 (1.0.0)
    package79039 (1.0.0)
    package79040 (1.0.0)
    package79041 (1.0.0)
    package79042 (1.0.0)
    package79043 (1.0.0)
    package79044 (1.0.0)
    package79045 (1.0.0)
    package79046 (1.0.0)
    package79047 (1.0.0)
    package79048 (1.0.0)
    package79049 (1.0.0)
    package79050 (1.0.0)
    package79051 (1.0.0)
    package79052 (1.0.0)
    package79053 (1.0.0)
    package79054 (1.0.0)
    package79055 (1.0.0)
    package79056 (1.0.0)
    package79057 (1.0.0)
    package79058 (1.0.0)
    package79059 (1.0.0)
    package79060 (1.0.0)
    package79061 (1.0.0)
    package79062 (1.0.0)
    package79063 (1.0.0)
    package79064 (1.0.0)
    package79065 (1.0.0)
    package79066 (1.0.0)
    package79067 (1.0.0)
    package79068 (1.0.0)
    package79069 (1.0.0)
    package79070 (1.0.0)
    package79071 (1.0.0)
    package79072 (1.0.0)
    package79073 (1.0.0)
    package79074 (1.0.0)
    package79075 (1.0.0)
    package79076 (1.0.0)
    package79077 (1.0.0)
    package79078 (1.0.0)
    package79079 (1.0.0)
    package79080 (1.0.0)
    package79081 (1.0.0)
    package79082 (1.0.0)
    package79083 (1.0.0)
    package79084 (1.0.0)
    package79085 (1.0.0)
    package79086 (1.0.0)
    package79087 (1.0.0)
    package79088 (1.0.0)
    package79089 (1.0.0)
    package79090 (1.0.0)
    package79091 (1.0.0)
    package79092 (1.0.0)
    package79093 (1.0.0)
    package79094 (1.0.0)
    package79095 (1.0.0)
    package79096 (1.0.0)
    package79097 (1.0.0)
    package79098 (1.0.0)
    package79099 (1.0.0)
    package79100 (1.0.0)
    package79101 (1.0.0)
    package79102 (1.0.0)
    package79103 (1.0.0)
    package79104 (1.0.0)
    package79105 (1.0.0)
    package79106 (1.0.0)
    package79107 (1.0.0)
    package79108 (1.0.0)
    package79109 (1.0.0)
    package79110 (1.0.0)
    package79111 (1.0.0)
    package79112 (1.0.0)
    package79113 (1.0.0)
    package79114 (1.0.0)
    package79115 (1.0.0)
    package79116 (1.0.0)
    package79117 (1.0.0)
    package79118 (1.0.0)
    package79119 (1.0.0)
    package79120 (1.0.0)
    package79121 (1.0.0)
    package79122 (1.0.0)
    package79123 (1.0.0)
    package79124 (1.0.0)
    package79125 (1.0.0)
    package79126 (1.0.0)
    package79127 (1.0.0)
    package79128 (1.0.0)
    package79129 (1.0.0)
    package79130 (1.0.0)
    package79131 (1.0.0)
    package79132 (1.0.0)
    package79133 (1.0.0)
    package79134 (1.0.0)
    package79135 (1.0.0)
    package79136 (1.0.0)
    package79137 (1.0.0)
    package79138 (1.0.0)
    package79139 (1.0.0)
    package79140 (1.0.0)
    package79141 (1.0.0)
    package79142 (1.0.0)
    package79143 (1.0.0)
    package79144 (1.0.0)
    package79145 (1.0.0)
    package79146 (1.0.0)
    package79147 (1.0.0)
    package79148 (1.0.0)
    package79149 (1.0.0)
    package79150 (1.0.0)
    package79151 (1.0.0)
    package79152 (1.0.0)
    package79153 (1.0.0)
    package79154 (1.0.0)
    package79155 (1.0.0)
    package79156 (1.0.0)
    package79157 (1.0.0)
    package79158 (1.0.0)
    package79159 (1.0.0)
    package79160 (1.0.0)
    package79161 (1.0.0)
    package79162 (1.0.0)
    package79163 (1.0.0)
    package79164 (1.0.0)
    package79165 (1.0.0)
    package79166 (1.0.0)
    package79167 (1.0.0)
    package79168 (1.0.0)
    package79169 (1.0.0)
    package79170 (1.0.0)
    package79171 (1.0.0)
    package79172 (1.0.0)
    package79173 (1.0.0)
    package79174 (1.0.0)
    package79175 (1.0.0)
    package79176 (1.0.0)
    package79177 (1.0.0)
    package79178 (1.0.0)
    package79179 (1.0.0)
    package79180 (1.0.0)
    package79181 (1.0.0)
    package79182 (1.0.0)
    package79183 (1.0.0)
    package79184 (1.0.0)
    package79185 (1.0.0)
    package79186 (1.0.0)
    package79187 (1.0.0)
    package79188 (1.0.0)
    package79189 (1.0.0)
    package79190 (1.0.0)
    package79191 (1.0.0)
    package79192 (1.0.0)
    package79193 (1.0.0)
    package79194 (1.0.0)
    package79195 (1.0.0)
    package79196 (1.0.0)
    package79197 (1.0.0)
    package79198 (1.0.0)
    package79199 (1.0.0)
    package79200 (1.0.0)
    package79201 (1.0.0)
    package79202 (1.0.0)
    package79203 (1.0.0)
    package79204 (1.0.0)
    package79205 (1.0.0)
    package79206 (1.0.0)
    package79207 (1.0.0)
    package79208 (1.0.0)
    package79209 (1.0.0)
    package79210 (1.0.0)
    package79211 (1.0.0)
    package79212 (1.0.0)
    package79213 (1.0.0)
    package79214 (1.0.0)
    package79215 (1.0.0)
    package79216 (1.0.0)
    package79217 (1.0.0)
    package79218 (1.0.0)
    package79219 (1.0.0)
    package79220 (1.0.0)
    package79221 (1.0.0)
    package79222 (1.0.0)
    package79223 (1.0.0)
    package79224 (1.0.0)
    package79225 (1.0.0)
    package79226 (1.0.0)
    package79227 (1.0.0)
    package79228 (1.0.0)
    package79229 (1.0.0)
    package79230 (1.0.0)
    package79231 (1.0.0)
    package79232 (1.0.0)
    package79233 (1.0.0)
    package79234 (1.0.0)
    package79235 (1.0.0)
    package79236 (1.0.0)
    package79237 (1.0.0)
    package79238 (1.0.0)
    package79239 (1.0.0)
    package79240 (1.0.0)
    package79241 (1.0.0)
    package79242 (1.0.0)
    package79243 (1.0.0)
    package79244 (1.0.0)
    package79245 (1.0.0)
    package79246 (1.0.0)
    package79247 (1.0.0)
    package79248 (1.0.0)
    package79249 (1.0.0)
    package79250 (1.0.0)
    package79251 (1.0.0)
    package79252 (1.0.0)
    package79253 (1.0.0)
    package79254 (1.0.0)
    package79255 (1.0.0)
    package79256 (1.0.0)
    package79257 (1.0.0)
    package79258 (1.0.0)
    package79259 (1.0.0)
    package79260 (1.0.0)
    package79261 (1.0.0)
    package79262 (1.0.0)
    package79263 (1.0.0)
    package79264 (1.0.0)
    package79265 (1.0.0)
    package79266 (1.0.0)
    package79267 (1.0.0)
    package79268 (1.0.0)
    package79269 (1.0.0)
    package79270 (1.0.0)
    package79271 (1.0.0)
    package79272 (1.0.0)
    package79273 (1.0.0)
    package79274 (1.0.0)
    package79275 (1.0.0)
    package79276 (1.0.0)
    package79277 (1.0.0)
    package79278 (1.0.0)
    package79279 (1.0.0)
    package79280 (1.0.0)
    package79281 (1.0.0)
    package79282 (1.0.0)
    package79283 (1.0.0)
    package79284 (1.0.0)
    package79285 (1.0.0)
    package79286 (1.0.0)
    package79287 (1.0.0)
    package79288 (1.0.0)
    package79289 (1.0.0)
    package79290 (1.0.0)
    package79291 (1.0.0)
    package79292 (1.0.0)
    package79293 (1.0.0)
    package79294 (1.0.0)
    package79295 (1.0.0)
    package79296 (1.0.0)
    package79297 (1.0.0)
    package79298 (1.0.0)
    package79299 (1.0.0)
    package79300 (1.0.0)
    package79301 (1.0.0)
    package79302 (1.0.0)
    package79303 (1.0.0)
    package79304 (1.0.0)
    package79305 (1.0.0)
    package79306 (1.0.0)
    package79307 (1.0.0)
    package79308 (1.0.0)
    package79309 (1.0.0)
    package79310 (1.0.0)
    package79311 (1.0.0)
    package79312 (1.0.0)
    package79313 (1.0.0)
    package79314 (1.0.0)
    package79315 (1.0.0)
    package79316 (1.0.0)
    package79317 (1.0.0)
    package79318 (1.0.0)
    package79319 (1.0.0)
    package79320 (1.0.0)
    package79321 (1.0.0)
    package79322 (1.0.0)
    package79323 (1.0.0)
    package79324 (1.0.0)
    package79325 (1.0.0)
    package79326 (1.0.0)
    package79327 (1.0.0)
    package79328 (1.0.0)
    package79329 (1.0.0)
    package79330 (1.0.0)
    package79331 (1.0.0)
    package79332 (1.0.0)
    package79333 (1.0.0)
    package79334 (1.0.0)
    package79335 (1.0.0)
    package79336 (1.0.0)
    package79337 (1.0.0)
    package79338 (1.0.0)
    package79339 (1.0.0)
    package79340 (1.0.0)
    package79341 (1.0.0)
    package79342 (1.0.0)
    package79343 (1.0.0)
    package79344 (1.0.0)
    package79345 (1.0.0)
    package79346 (1.0.0)
    package79347 (1.0.0)
    package79348 (1.0.0)
    package79349 (1.0.0)
    package79350 (1.0.0)
    package79351 (1.0.0)
    package79352 (1.0.0)
    package79353 (1.0.0)
    package79354 (1.0.0)
    package79355 (1.0.0)
    package79356 (1.0.0)
    package79357 (1.0.0)
    package79358 (1.0.0)
    package79359 (1.0.0)
    package79360 (1.0.0)
    package79361 (1.0.0)
    package79362 (1.0.0)
    package79363 (1.0.0)
    package79364 (1.0.0)
    package79365 (1.0.0)
    package79366 (1.0.0)
    package79367 (1.0.0)
    package79368 (1.0.0)
    package79369 (1.0.0)
    package79370 (1.0.0)
    package79371 (1.0.0)
    package79372 (1.0.0)
    package79373 (1.0.0)
    package79374 (1.0.0)
    package79375 (1.0.0)
    package79376 (1.0.0)
    package79377 (1.0.0)
    package79378 (1.0.0)
    package79379 (1.0.0)
    package79380 (1.0.0)
    package79381 (1.0.0)
    package79382 (1.0.0)
    package79383 (1.0.0)
    package79384 (1.0.0)
    package79385 (1.0.0)
    package79386 (1.0.0)
    package79387 (1.0.0)
    package79388 (1.0.0)
    package79389 (1.0.0)
    package79390 (1.0.0)
    package79391 (1.0.0)
    package79392 (1.0.0)
    package79393 (1.0.0)
    package79394 (1.0.0)
    package79395 (1.0.0)
    package79396 (1.0.0)
    package79397 (1.0.0)
    package79398 (1.0.0)
    package79399 (1.0.0)
    package79400 (1.0.0)
    package79401 (1.0.0)
    package79402 (1.0.0)
    package79403 (1.0.0)
    package79404 (1.0.0)
    package79405 (1.0.0)
    package79406 (1.0.0)
    package79407 (1.0.0)
    package79408 (1.0.0)
    package79409 (1.0.0)
    package79410 (1.0.0)
    package79411 (1.0.0)
    package79412 (1.0.0)
    package79413 (1.0.0)
    package79414 (1.0.0)
    package79415 (1.0.0)
    package79416 (1.0.0)
    package79417 (1.0.0)
    package79418 (1.0.0)
    package79419 (1.0.0)
    package79420 (1.0.0)
    package79421 (1.0.0)
    package79422 (1.0.0)
    package79423 (1.0.0)
    package79424 (1.0.0)
    package79425 (1.0.0)
    package79426 (1.0.0)
    package79427 (1.0.0)
    package79428 (1.0.0)
    package79429 (1.0.0)
    package79430 (1.0.0)
    package79431 (1.0.0)
    package79432 (1.0.0)
    package79433 (1.0.0)
    package79434 (1.0.0)
    package79435 (1.0.0)
    package79436 (1.0.0)
    package79437 (1.0.0)
    package79438 (1.0.0)
    package79439 (1.0.0)
    package79440 (1.0.0)
    package79441 (1.0.0)
    package79442 (1.0.0)
    package79443 (1.0.0)
    package79444 (1.0.0)
    package79445 (1.0.0)
    package79446 (1.0.0)
    package79447 (1.0.0)
    package79448 (1.0.0)
    package79449 (1.0.0)
    package79450 (1.0.0)
    package79451 (1.0.0)
    package79452 (1.0.0)
    package79453 (1.0.0)
    package79454 (1.0.0)
    package79455 (1.0.0)
    package79456 (1.0.0)
    package79457 (1.0.0)
    package79458 (1.0.0)
    package79459 (1.0.0)
    package79460 (1.0.0)
    package79461 (1.0.0)
    package79462 (1.0.0)
    package79463 (1.0.0)
    package79464 (1.0.0)
    package79465 (1.0.0)
    package79466 (1.0.0)
    package79467 (1.0.0)
    package79468 (1.0.0)
    package79469 (1.0.0)
    package79470 (1.0.0)
    package79471 (1.0.0)
    package79472 (1.0.0)
    package79473 (1.0.0)
    package79474 (1.0.0)
    package79475 (1.0.0)
    package79476 (1.0.0)
    package79477 (1.0.0)
    package79478 (1.0.0)
    package79479 (1.0.0)
    package79480 (1.0.0)
    package79481 (1.0.0)
    package79482 (1.0.0)
    package79483 (1.0.0)
    package79484 (1.0.0)
    package79485 (1.0.0)
    package79486 (1.0.0)
    package79487 (1.0.0)
    package79488 (1.0.0)
    package79489 (1.0.0)
    package79490 (1.0.0)
    package79491 (1.0.0)
    package79492 (1.0.0)
    package79493 (1.0.0)
    package79494 (1.0.0)
    package79495 (1.0.0)
    package79496 (1.0.0)
    package79497 (1.0.0)
    package79498 (1.0.0)
    package79499 (1.0.0)
    package79500 (1.0.0)
    package79501 (1.0.0)
    package79502 (1.0.0)
    package79503 (1.0.0)
    package79504 (1.0.0)
    package79505 (1.0.0)
    package79506 (1.0.0)
    package79507 (1.0.0)
    package79508 (1.0.0)
    package79509 (1.0.0)
    package79510 (1.0.0)
    package79511 (1.0.0)
    package79512 (1.0.0)
    package79513 (1.0.0)
    package79514 (1.0.0)
    package79515 (1.0.0)
    package79516 (1.0.0)
    package79517 (1.0.0)
    package79518 (1.0.0)
    package79519 (1.0.0)
    package79520 (1.0.0)
    package79521 (1.0.0)
    package79522 (1.0.0)
    package79523 (1.0.0)
    package79524 (1.0.0)
    package79525 (1.0.0)
    package79526 (1.0.0)
    package79527 (1.0.0)
    package79528 (1.0.0)
    package79529 (1.0.0)
    package79530 (1.0.0)
    package79531 (1.0.0)
    package79532 (1.0.0)
    package79533 (1.0.0)
    package79534 (1.0.0)
    package79535 (1.0.0)
    package79536 (1.0.0)
    package79537 (1.0.0)
    package79538 (1.0.0)
    package79539 (1.0.0)
    package79540 (1.0.0)
    package79541 (1.0.0)
    package79542 (1.0.0)
    package79543 (1.0.0)
    package79544 (1.0.0)
    package79545 (1.0.0)
    package79546 (1.0.0)
    package79547 (1.0.0)
    package79548 (1.0.0)
    package79549 (1.0.0)
    package79550 (1.0.0)
    package79551 (1.0.0)
    package79552 (1.0.0)
    package79553 (1.0.0)
    package79554 (1.0.0)
    package79555 (1.0.0)
    package79556 (1.0.0)
    package79557 (1.0.0)
    package79558 (1.0.0)
    package79559 (1.0.0)
    package79560 (1.0.0)
    package79561 (1.0.0)
    package79562 (1.0.0)
    package79563 (1.0.0)
    package79564 (1.0.0)
    package79565 (1.0.0)
    package79566 (1.0.0)
    package79567 (1.0.0)
    package79568 (1.0.0)
    package79569 (1.0.0)
    package79570 (1.0.0)
    package79571 (1.0.0)
    package79572 (1.0.0)
    package79573 (1.0.0)
    package79574 (1.0.0)
    package79575 (1.0.0)
    package79576 (1.0.0)
    package79577 (1.0.0)
    package79578 (1.0.0)
    package79579 (1.0.0)
    package79580 (1.0.0)
    package79581 (1.0.0)
    package79582 (1.0.0)
    package79583 (1.0.0)
    package79584 (1.0.0)
    package79585 (1.0.0)
    package79586 (1.0.0)
    package79587 (1.0.0)
    package79588 (1.0.0)
    package79589 (1.0.0)
    package79590 (1.0.0)
    package79591 (1.0.0)
    package79592 (1.0.0)
    package79593 (1.0.0)
    package79594 (1.0.0)
    package79595 (1.0.0)
    package79596 (1.0.0)
    package79597 (1.0.0)
    package79598 (1.0.0)
    package79599 (1.0.0)
    package79600 (1.0.0)
    package79601 (1.0.0)
    package79602 (1.0.0)
    package79603 (1.0.0)
    package79604 (1.0.0)
    package79605 (1.0.0)
    package79606 (1.0.0)
    package79607 (1.0.0)
    package79608 (1.0.0)
    package79609 (1.0.0)
    package79610 (1.0.0)
    package79611 (1.0.0)
    package79612 (1.0.0)
    package79613 (1.0.0)
    package79614 (1.0.0)
    package79615 (1.0.0)
    package79616 (1.0.0)
    package79617 (1.0.0)
    package79618 (1.0.0)
    package79619 (1.0.0)
    package79620 (1.0.0)
    package79621 (1.0.0)
    package79622 (1.0.0)
    package79623 (1.0.0)
    package79624 (1.0.0)
    package79625 (1.0.0)
    package79626 (1.0.0)
    package79627 (1.0.0)
    package79628 (1.0.0)
    package79629 (1.0.0)
    package79630 (1.0.0)
    package79631 (1.0.0)
    package79632 (1.0.0)
    package79633 (1.0.0)
    package79634 (1.0.0)
    package79635 (1.0.0)
    package79636 (1.0.0)
    package79637 (1.0.0)
    package79638 (1.0.0)
    package79639 (1.0.0)
    package79640 (1.0.0)
    package79641 (1.0.0)
    package79642 (1.0.0)
    package79643 (1.0.0)
    package79644 (1.0.0)
    package79645 (1.0.0)
    package79646 (1.0.0)
    package79647 (1.0.0)
    package79648 (1.0.0)
    package79649 (1.0.0)
    package79650 (1.0.0)
    package79651 (1.0.0)
    package79652 (1.0.0)
    package79653 (1.0.0)
    package79654 (1.0.0)
    package79655 (1.0.0)
    package79656 (1.0.0)
    package79657 (1.0.0)
    package79658 (1.0.0)
    package79659 (1.0.0)
    package79660 (1.0.0)
    package79661 (1.0.0)
    package79662 (1.0.0)
    package79663 (1.0.0)
    package79664 (1.0.0)
    package79665 (1.0.0)
    package79666 (1.0.0)
    package79667 (1.0.0)
    package79668 (1.0.0)
    package79669 (1.0.0)
    package79670 (1.0.0)
    package79671 (1.0.0)
    package79672 (1.0.0)
    package79673 (1.0.0)
    package79674 (1.0.0)
    package79675 (1.0.0)
    package79676 (1.0.0)
    package79677 (1.0.0)
    package79678 (1.0.0)
    package79679 (1.0.0)
    package79680 (1.0.0)
    package79681 (1.0.0)
    package79682 (1.0.0)
    package79683 (1.0.0)
    package79684 (1.0.0)
    package79685 (1.0.0)
    package79686 (1.0.0)
    package79687 (1.0.0)
    package79688 (1.0.0)
    package79689 (1.0.0)
    package79690 (1.0.0)
    package79691 (1.0.0)
    package79692 (1.0.0)
    package79693 (1.0.0)
    package79694 (1.0.0)
    package79695 (1.0.0)
    package79696 (1.0.0)
    package79697 (1.0.0)
    package79698 (1.0.0)
    package79699 (1.0.0)
    package79700 (1.0.0)
    package79701 (1.0.0)
    package79702 (1.0.0)
    package79703 (1.0.0)
    package79704 (1.0.0)
    package79705 (1.0.0)
    package79706 (1.0.0)
    package79707 (1.0.0)
    package79708 (1.0.0)
    package79709 (1.0.0)
    package79710 (1.0.0)
    package79711 (1.0.0)
    package79712 (1.0.0)
    package79713 (1.0.0)
    package79714 (1.0.0)
    package79715 (1.0.0)
    package79716 (1.0.0)
    package79717 (1.0.0)
    package79718 (1.0.0)
    package79719 (1.0.0)
    package79720 (1.0.0)
    package79721 (1.0.0)
    package79722 (1.0.0)
    package79723 (1.0.0)
    package79724 (1.0.0)
    package79725 (1.0.0)
    package79726 (1.0.0)
    package79727 (1.0.0)
    package79728 (1.0.0)
    package79729 (1.0.0)
    package79730 (1.0.0)
    package79731 (1.0.0)
    package79732 (1.0.0)
    package79733 (1.0.0)
    package79734 (1.0.0)
    package79735 (1.0.0)
    package79736 (1.0.0)
    package79737 (1.0.0)
    package79738 (1.0.0)
    package79739 (1.0.0)
    package79740 (1.0.0)
    package79741 (1.0.0)
    package79742 (1.0.0)
    package79743 (1.0.0)
    package79744 (1.0.0)
    package79745 (1.0.0)
    package79746 (1.0.0)
    package79747 (1.0.0)
    package79748 (1.0.0)
    package79749 (1.0.0)
    package79750 (1.0.0)
    package79751 (1.0.0)
    package79752 (1.0.0)
    package79753 (1.0.0)
    package79754 (1.0.0)
    package79755 (1.0.0)
    package79756 (1.0.0)
    package79757 (1.0.0)
    package79758 (1.0.0)
    package79759 (1.0.0)
    package79760 (1.0.0)
    package79761 (1.0.0)
    package79762 (1.0.0)
    package79763 (1.0.0)
    package79764 (1.0.0)
    package79765 (1.0.0)
    package79766 (1.0.0)
    package79767 (1.0.0)
    package79768 (1.0.0)
    package79769 (1.0.0)
    package79770 (1.0.0)
    package79771 (1.0.0)
    package79772 (1.0.0)
    package79773 (1.0.0)
    package79774 (1.0.0)
    package79775 (1.0.0)
    package79776 (1.0.0)
    package79777 (1.0.0)
    package79778 (1.0.0)
    package79779 (1.0.0)
    package79780 (1.0.0)
    package79781 (1.0.0)
    package79782 (1.0.0)
    package79783 (1.0.0)
    package79784 (1.0.0)
    package79785 (1.0.0)
    package79786 (1.0.0)
    package79787 (1.0.0)
    package79788 (1.0.0)
    package79789 (1.0.0)
    package79790 (1.0.0)
    package79791 (1.0.0)
    package79792 (1.0.0)
    package79793 (1.0.0)
    package79794 (1.0.0)
    package79795 (1.0.0)
    package79796 (1.0.0)
    package79797 (1.0.0)
    package79798 (1.0.0)
    package79799 (1.0.0)
    package79800 (1.0.0)
    package79801 (1.0.0)
    package79802 (1.0.0)
    package79803 (1.0.0)
    package79804 (1.0.0)
    package79805 (1.0.0)
    package79806 (1.0.0)
    package79807 (1.0.0)
    package79808 (1.0.0)
    package79809 (1.0.0)
    package79810 (1.0.0)
    package79811 (1.0.0)
    package79812 (1.0.0)
    package79813 (1.0.0)
    package79814 (1.0.0)
    package79815 (1.0.0)
    package79816 (1.0.0)
    package79817 (1.0.0)
    package79818 (1.0.0)
    package79819 (1.0.0)
    package79820 (1.0.0)
    package79821 (1.0.0)
    package79822 (1.0.0)
    package79823 (1.0.0)
    package79824 (1.0.0)
    package79825 (1.0.0)
    package79826 (1.0.0)
    package79827 (1.0.0)
    package79828 (1.0.0)
    package79829 (1.0.0)
    package79830 (1.0.0)
    package79831 (1.0.0)
    package79832 (1.0.0)
    package79833 (1.0.0)
    package79834 (1.0.0)
    package79835 (1.0.0)
    package79836 (1.0.0)
    package79837 (1.0.0)
    package79838 (1.0.0)
    package79839 (1.0.0)
    package79840 (1.0.0)
    package79841 (1.0.0)
    package79842 (1.0.0)
    package79843 (1.0.0)
    package79844 (1.0.0)
    package79845 (1.0.0)
    package79846 (1.0.0)
    package79847 (1.0.0)
    package79848 (1.0.0)
    package79849 (1.0.0)
    package79850 (1.0.0)
    package79851 (1.0.0)
    package79852 (1.0.0)
    package79853 (1.0.0)
    package79854 (1.0.0)
    package79855 (1.0.0)
    package79856 (1.0.0)
    package79857 (1.0.0)
    package79858 (1.0.0)
    package79859 (1.0.0)
    package79860 (1.0.0)
    package79861 (1.0.0)
    package79862 (1.0.0)
    package79863 (1.0.0)
    package79864 (1.0.0)
    package79865 (1.0.0)
    package79866 (1.0.0)
    package79867 (1.0.0)
    package79868 (1.0.0)
    package79869 (1.0.0)
    package79870 (1.0.0)
    package79871 (1.0.0)
    package79872 (1.0.0)
    package79873 (1.0.0)
    package79874 (1.0.0)
    package79875 (1.0.0)
    package79876 (1.0.0)
    package79877 (1.0.0)
    package79878 (1.0.0)
    package79879 (1.0.0)
    package79880 (1.0.0)
    package79881 (1.0.0)
    package79882 (1.0.0)
    package79883 (1.0.0)
    package79884 (1.0.0)
    package79885 (1.0.0)
    package79886 (1.0.0)
    package79887 (1.0.0)
    package79888 (1.0.0)
    package79889 (1.0.0)
    package79890 (1.0.0)
    package79891 (1.0.0)
    package79892 (1.0.0)
    package79893 (1.0.0)
    package79894 (1.0.0)
    package79895 (1.0.0)
    package79896 (1.0.0)
    package79897 (1.0.0)
    package79898 (1.0.0)
    package79899 (1.0.0)
    package79900 (1.0.0)
    package79901 (1.0.0)
    package79902 (1.0.0)
    package79903 (1.0.0)
    package79904 (1.0.0)
    package79905 (1.0.0)
    package79906 (1.0.0)
    package79907 (1.0.0)
    package79908 (1.0.0)
    package79909 (1.0.0)
    package79910 (1.0.0)
    package79911 (1.0.0)
    package79912 (1.0.0)
    package79913 (1.0.0)
    package79914 (1.0.0)
    package79915 (1.0.0)
    package79916 (1.0.0)
    package79917 (1.0.0)
    package79918 (1.0.0)
    package79919 (1.0.0)
    package79920 (1.0.0)
    package79921 (1.0.0)
    package79922 (1.0.0)
    package79923 (1.0.0)
    package79924 (1.0.0)
    package79925 (1.0.0)
    package79926 (1.0.0)
    package79927 (1.0.0)
    package79928 (1.0.0)
    package79929 (1.0.0)
    package79930 (1.0.0)
    package79931 (1.0.0)
    package79932 (1.0.0)
    package79933 (1.0.0)
    package79934 (1.0.0)
    package79935 (1.0.0)
    package79936 (1.0.0)
    package79937 (1.0.0)
    package79938 (1.0.0)
    package79939 (1.0.0)
    package79940 (1.0.0)
    package79941 (1.0.0)
    package79942 (1.0.0)
    package79943 (1.0.0)
    package79944 (1.0.0)
    package79945 (1.0.0)
    package79946 (1.0.0)
    package79947 (1.0.0)
    package79948 (1.0.0)
    package79949 (1.0.0)
    package79950 (1.0.0)
    package79951 (1.0.0)
    package79952 (1.0.0)
    package79953 (1.0.0)
    package79954 (1.0.0)
    package79955 (1.0.0)
    package79956 (1.0.0)
    package79957 (1.0.0)
    package79958 (1.0.0)
    package79959 (1.0.0)
    package79960 (1.0.0)
    package79961 (1.0.0)
    package79962 (1.0.0)
    package79963 (1.0.0)
    package79964 (1.0.0)
    package79965 (1.0.0)
    package79966 (1.0.0)
    package79967 (1.0.0)
    package79968 (1.0.0)
    package79969 (1.0.0)
    package79970 (1.0.0)
    package79971 (1.0.0)
    package79972 (1.0.0)
    package79973 (1.0.0)
    package79974 (1.0.0)
    package79975 (1.0.0)
    package79976 (1.0.0)
    package79977 (1.0.0)
    package79978 (1.0.0)
    package79979 (1.0.0)
    package79980 (1.0.0)
    package79981 (1.0.0)
    package79982 (1.0.0)
    package79983 (1.0.0)
    package79984 (1.0.0)
    package79985 (1.0.0)
    package79986 (1.0.0)
    package79987 (1.0.0)
    package79988 (1.0.0)
    package79989 (1.0.0)
    package79990 (1.0.0)
    package79991 (1.0.0)
    package79992 (1.0.0)
    package79993 (1.0.0)
    package79994 (1.0.0)
    package79995 (1.0.0)
    package79996 (1.0.0)
    package79997 (1.0.0)
    package79998 (1.0.0)
    package79999 (1.0.0)
    package80000 (1.0.0)
    package80001 (1.0.0)
    package80002 (1.0.0)
    package80003 (1.0.0)
    package80004 (1.0.0)
    package80005 (1.0.0)
    package80006 (1.0.0)
    package80007 (1.0.0)
    package80008 (1.0.0)
    package80009 (1.0.0)
    package80010 (1.0.0)
    package80011 (1.0.0)
    package80012 (1.0.0)
    package80013 (1.0.0)
    package80014 (1.0.0)
    package80015 (1.0.0)
    package80016 (1.0.0)
    package80017 (1.0.0)
    package80018 (1.0.0)
    package80019 (1.0.0)
    package80020 (1.0.0)
    package80021 (1.0.0)
    package80022 (1.0.0)
    package80023 (1.0.0)
    package80024 (1.0.0)
    package80025 (1.0.0)
    package80026 (1.0.0)
    package80027 (1.0.0)
    package80028 (1.0.0)
    package80029 (1.0.0)
    package80030 (1.0.0)
    package80031 (1.0.0)
    package80032 (1.0.0)
    package80033 (1.0.0)
    package80034 (1.0.0)
    package80035 (1.0.0)
    package80036 (1.0.0)
    package80037 (1.0.0)
    package80038 (1.0.0)
    package80039 (1.0.0)
    package80040 (1.0.0)
    package80041 (1.0.0)
    package80042 (1.0.0)
    package80043 (1.0.0)
    package80044 (1.0.0)
    package80045 (1.0.0)
    package80046 (1.0.0)
    package80047 (1.0.0)
    package80048 (1.0.0)
    package80049 (1.0.0)
    package80050 (1.0.0)
    package80051 (1.0.0)
    package80052 (1.0.0)
    package80053 (1.0.0)
    package80054 (1.0.0)
    package80055 (1.0.0)
    package80056 (1.0.0)
    package80057 (1.0.0)
    package80058 (1.0.0)
    package80059 (1.0.0)
    package80060 (1.0.0)
    package80061 (1.0.0)
    package80062 (1.0.0)
    package80063 (1.0.0)
    package80064 (1.0.0)
    package80065 (1.0.0)
    package80066 (1.0.0)
    package80067 (1.0.0)
    package80068 (1.0.0)
    package80069 (1.0.0)
    package80070 (1.0.0)
    package80071 (1.0.0)
    package80072 (1.0.0)
    package80073 (1.0.0)
    package80074 (1.0.0)
    package80075 (1.0.0)
    package80076 (1.0.0)
    package80077 (1.0.0)
    package80078 (1.0.0)
    package80079 (1.0.0)
    package80080 (1.0.0)
    package80081 (1.0.0)
    package80082 (1.0.0)
    package80083 (1.0.0)
    package80084 (1.0.0)
    package80085 (1.0.0)
    package80086 (1.0.0)
    package80087 (1.0.0)
    package80088 (1.0.0)
    package80089 (1.0.0)
    package80090 (1.0.0)
    package80091 (1.0.0)
    package80092 (1.0.0)
    package80093 (1.0.0)
    package80094 (1.0.0)
    package80095 (1.0.0)
    package80096 (1.0.0)
    package80097 (1.0.0)
    package80098 (1.0.0)
    package80099 (1.0.0)
    package80100 (1.0.0)
    package80101 (1.0.0)
    package80102 (1.0.0)
    package80103 (1.0.0)
    package80104 (1.0.0)
    package80105 (1.0.0)
    package80106 (1.0.0)
    package80107 (1.0.0)
    package80108 (1.0.0)
    package80109 (1.0.0)
    package80110 (1.0.0)
    package80111 (1.0.0)
    package80112 (1.0.0)
    package80113 (1.0.0)
    package80114 (1.0.0)
    package80115 (1.0.0)
    package80116 (1.0.0)
    package80117 (1.0.0)
    package80118 (1.0.0)
    package80119 (1.0.0)
    package80120 (1.0.0)
    package80121 (1.0.0)
    package80122 (1.0.0)
    package80123 (1.0.0)
    package80124 (1.0.0)
    package80125 (1.0.0)
    package80126 (1.0.0)
    package80127 (1.0.0)
    package80128 (1.0.0)
    package80129 (1.0.0)
    package80130 (1.0.0)
    package80131 (1.0.0)
    package80132 (1.0.0)
    package80133 (1.0.0)
    package80134 (1.0.0)
    package80135 (1.0.0)
    package80136 (1.0.0)
    package80137 (1.0.0)
    package80138 (1.0.0)
    package80139 (1.0.0)
    package80140 (1.0.0)
    package80141 (1.0.0)
    package80142 (1.0.0)
    package80143 (1.0.0)
    package80144 (1.0.0)
    package80145 (1.0.0)
    package80146 (1.0.0)
    package80147 (1.0.0)
    package80148 (1.0.0)
    package80149 (1.0.0)
    package80150 (1.0.0)
    package80151 (1.0.0)
    package80152 (1.0.0)
    package80153 (1.0.0)
    package80154 (1.0.0)
    package80155 (1.0.0)
    package80156 (1.0.0)
    package80157 (1.0.0)
    package80158 (1.0.0)
    package80159 (1.0.0)
    package80160 (1.0.0)
    package80161 (1.0.0)
    package80162 (1.0.0)
    package80163 (1.0.0)
    package80164 (1.0.0)
    package80165 (1.0.0)
    package80166 (1.0.0)
    package80167 (1.0.0)
    package80168 (1.0.0)
    package80169 (1.0.0)
    package80170 (1.0.0)
    package80171 (1.0.0)
    package80172 (1.0.0)
    package80173 (1.0.0)
    package80174 (1.0.0)
    package80175 (1.0.0)
    package80176 (1.0.0)
    package80177 (1.0.0)
    package80178 (1.0.0)
    package80179 (1.0.0)
    package80180 (1.0.0)
    package80181 (1.0.0)
    package80182 (1.0.0)
    package80183 (1.0.0)
    package80184 (1.0.0)
    package80185 (1.0.0)
    package80186 (1.0.0)
    package80187 (1.0.0)
    package80188 (1.0.0)
    package80189 (1.0.0)
    package80190 (1.0.0)
    package80191 (1.0.0)
    package80192 (1.0.0)
    package80193 (1.0.0)
    package80194 (1.0.0)
    package80195 (1.0.0)
    package80196 (1.0.0)
    package80197 (1.0.0)
    package80198 (1.0.0)
    package80199 (1.0.0)
    package80200 (1.0.0)
    package80201 (1.0.0)
    package80202 (1.0.0)
    package80203 (1.0.0)
    package80204 (1.0.0)
    package80205 (1.0.0)
    package80206 (1.0.0)
    package80207 (1.0.0)
    package80208 (1.0.0)
    package80209 (1.0.0)
    package80210 (1.0.0)
    package80211 (1.0.0)
    package80212 (1.0.0)
    package80213 (1.0.0)
    package80214 (1.0.0)
    package80215 (1.0.0)
    package80216 (1.0.0)
    package80217 (1.0.0)
    package80218 (1.0.0)
    package80219 (1.0.0)
    package80220 (1.0.0)
    package80221 (1.0.0)
    package80222 (1.0.0)
    package80223 (1.0.0)
    package80224 (1.0.0)
    package80225 (1.0.0)
    package80226 (1.0.0)
    package80227 (1.0.0)
    package80228 (1.0.0)
    package80229 (1.0.0)
    package80230 (1.0.0)
    package80231 (1.0.0)
    package80232 (1.0.0)
    package80233 (1.0.0)
    package80234 (1.0.0)
    package80235 (1.0.0)
    package80236 (1.0.0)
    package80237 (1.0.0)
    package80238 (1.0.0)
    package80239 (1.0.0)
    package80240 (1.0.0)
    package80241 (1.0.0)
    package80242 (1.0.0)
    package80243 (1.0.0)
    package80244 (1.0.0)
    package80245 (1.0.0)
    package80246 (1.0.0)
    package80247 (1.0.0)
    package80248 (1.0.0)
    package80249 (1.0.0)
    package80250 (1.0.0)
    package80251 (1.0.0)
    package80252 (1.0.0)
    package80253 (1.0.0)
    package80254 (1.0.0)
    package80255 (1.0.0)
    package80256 (1.0.0)
    package80257 (1.0.0)
    package80258 (1.0.0)
    package80259 (1.0.0)
    package80260 (1.0.0)
    package80261 (1.0.0)
    package80262 (1.0.0)
    package80263 (1.0.0)
    package80264 (1.0.0)
    package80265 (1.0.0)
    package80266 (1.0.0)
    package80267 (1.0.0)
    package80268 (1.0.0)
    package80269 (1.0.0)
    package80270 (1.0.0)
    package80271 (1.0.0)
    package80272 (1.0.0)
    package80273 (1.0.0)
    package80274 (1.0.0)
    package80275 (1.0.0)
    package80276 (1.0.0)
    package80277 (1.0.0)
    package80278 (1.0.0)
    package80279 (1.0.0)
    package80280 (1.0.0)
    package80281 (1.0.0)
    package80282 (1.0.0)
    package80283 (1.0.0)
    package80284 (1.0.0)
    package80285 (1.0.0)
    package80286 (1.0.0)
    package80287 (1.0.0)
    package80288 (1.0.0)
    package80289 (1.0.0)
    package80290 (1.0.0)
    package80291 (1.0.0)
    package80292 (1.0.0)
    package80293 (1.0.0)
    package80294 (1.0.0)
    package80295 (1.0.0)
    package80296 (1.0.0)
    package80297 (1.0.0)
    package80298 (1.0.0)
    package80299 (1.0.0)
    package80300 (1.0.0)
    package80301 (1.0.0)
    package80302 (1.0.0)
    package80303 (1.0.0)
    package80304 (1.0.0)
    package80305 (1.0.0)
    package80306 (1.0.0)
    package80307 (1.0.0)
    package80308 (1.0.0)
    package80309 (1.0.0)
    package80310 (1.0.0)
    package80311 (1.0.0)
    package80312 (1.0.0)
    package80313 (1.0.0)
    package80314 (1.0.0)
    package80315 (1.0.0)
    package80316 (1.0.0)
    package80317 (1.0.0)
    package80318 (1.0.0)
    package80319 (1.0.0)
    package80320 (1.0.0)
    package80321 (1.0.0)
    package80322 (1.0.0)
    package80323 (1.0.0)
    package80324 (1.0.0)
    package80325 (1.0.0)
    package80326 (1.0.0)
    package80327 (1.0.0)
    package80328 (1.0.0)
    package80329 (1.0.0)
    package80330 (1.0.0)
    package80331 (1.0.0)
    package80332 (1.0.0)
    package80333 (1.0.0)
    package80334 (1.0.0)
    package80335 (1.0.0)
    package80336 (1.0.0)
    package80337 (1.0.0)
    package80338 (1.0.0)
    package80339 (1.0.0)
    package80340 (1.0.0)
    package80341 (1.0.0)
    package80342 (1.0.0)
    package80343 (1.0.0)
    package80344 (1.0.0)
    package80345 (1.0.0)
    package80346 (1.0.0)
    package80347 (1.0.0)
    package80348 (1.0.0)
    package80349 (1.0.0)
    package80350 (1.0.0)
    package80351 (1.0.0)
    package80352 (1.0.0)
    package80353 (1.0.0)
    package80354 (1.0.0)
    package80355 (1.0.0)
    package80356 (1.0.0)
    package80357 (1.0.0)
    package80358 (1.0.0)
    package80359 (1.0.0)
    package80360 (1.0.0)
    package80361 (1.0.0)
    package80362 (1.0.0)
    package80363 (1.0.0)
    package80364 (1.0.0)
    package80365 (1.0.0)
    package80366 (1.0.0)
    package80367 (1.0.0)
    package80368 (1.0.0)
    package80369 (1.0.0)
    package80370 (1.0.0)
    package80371 (1.0.0)
    package80372 (1.0.0)
    package80373 (1.0.0)
    package80374 (1.0.0)
    package80375 (1.0.0)
    package80376 (1.0.0)
    package80377 (1.0.0)
    package80378 (1.0.0)
    package80379 (1.0.0)
    package80380 (1.0.0)
    package80381 (1.0.0)
    package80382 (1.0.0)
    package80383 (1.0.0)
    package80384 (1.0.0)
    package80385 (1.0.0)
    package80386 (1.0.0)
    package80387 (1.0.0)
    package80388 (1.0.0)
    package80389 (1.0.0)
    package80390 (1.0.0)
    package80391 (1.0.0)
    package80392 (1.0.0)
    package80393 (1.0.0)
    package80394 (1.0.0)
    package80395 (1.0.0)
    package80396 (1.0.0)
    package80397 (1.0.0)
    package80398 (1.0.0)
    package80399 (1.0.0)
    package80400 (1.0.0)
    package80401 (1.0.0)
    package80402 (1.0.0)
    package80403 (1.0.0)
    package80404 (1.0.0)
    package80405 (1.0.0)
    package80406 (1.0.0)
    package80407 (1.0.0)
    package80408 (1.0.0)
    package80409 (1.0.0)
    package80410 (1.0.0)
    package80411 (1.0.0)
    package80412 (1.0.0)
    package80413 (1.0.0)
    package80414 (1.0.0)
    package80415 (1.0.0)
    package80416 (1.0.0)
    package80417 (1.0.0)
    package80418 (1.0.0)
    package80419 (1.0.0)
    package80420 (1.0.0)
    package80421 (1.0.0)
    package80422 (1.0.0)
    package80423 (1.0.0)
    package80424 (1.0.0)
    package80425 (1.0.0)
    package80426 (1.0.0)
    package80427 (1.0.0)
    package80428 (1.0.0)
    package80429 (1.0.0)
    package80430 (1.0.0)
    package80431 (1.0.0)
    package80432 (1.0.0)
    package80433 (1.0.0)
    package80434 (1.0.0)
    package80435 (1.0.0)
    package80436 (1.0.0)
    package80437 (1.0.0)
    package80438 (1.0.0)
    package80439 (1.0.0)
    package80440 (1.0.0)
    package80441 (1.0.0)
    package80442 (1.0.0)
    package80443 (1.0.0)
    package80444 (1.0.0)
    package80445 (1.0.0)
    package80446 (1.0.0)
    package80447 (1.0.0)
    package80448 (1.0.0)
    package80449 (1.0.0)
    package80450 (1.0.0)
    package80451 (1.0.0)
    package80452 (1.0.0)
    package80453 (1.0.0)
    package80454 (1.0.0)
    package80455 (1.0.0)
    package80456 (1.0.0)
    package80457 (1.0.0)
    package80458 (1.0.0)
    package80459 (1.0.0)
    package80460 (1.0.0)
    package80461 (1.0.0)
    package80462 (1.0.0)
    package80463 (1.0.0)
    package80464 (1.0.0)
    package80465 (1.0.0)
    package80466 (1.0.0)
    package80467 (1.0.0)
    package80468 (1.0.0)
    package80469 (1.0.0)
    package80470 (1.0.0)
    package80471 (1.0.0)
    package80472 (1.0.0)
    package80473 (1.0.0)
    package80474 (1.0.0)
    package80475 (1.0.0)
    package80476 (1.0.0)
    package80477 (1.0.0)
    package80478 (1.0.0)
    package80479 (1.0.0)
    package80480 (1.0.0)
    package80481 (1.0.0)
    package80482 (1.0.0)
    package80483 (1.0.0)
    package80484 (1.0.0)
    package80485 (1.0.0)
    package80486 (1.0.0)
    package80487 (1.0.0)
    package80488 (1.0.0)
    package80489 (1.0.0)
    package80490 (1.0.0)
    package80491 (1.0.0)
    package80492 (1.0.0)
    package80493 (1.0.0)
    package80494 (1.0.0)
    package80495 (1.0.0)
    package80496 (1.0.0)
    package80497 (1.0.0)
    package80498 (1.0.0)
    package80499 (1.0.0)
    package80500 (1.0.0)
    package80501 (1.0.0)
    package80502 (1.0.0)
    package80503 (1.0.0)
    package80504 (1.0.0)
    package80505 (1.0.0)
    package80506 (1.0.0)
    package80507 (1.0.0)
    package80508 (1.0.0)
    package80509 (1.0.0)
    package80510 (1.0.0)
    package80511 (1.0.0)
    package80512 (1.0.0)
    package80513 (1.0.0)
    package80514 (1.0.0)
    package80515 (1.0.0)
    package80516 (1.0.0)
    package80517 (1.0.0)
    package80518 (1.0.0)
    package80519 (1.0.0)
    package80520 (1.0.0)
    package80521 (1.0.0)
    package80522 (1.0.0)
    package80523 (1.0.0)
    package80524 (1.0.0)
    package80525 (1.0.0)
    package80526 (1.0.0)
    package80527 (1.0.0)
    package80528 (1.0.0)
    package80529 (1.0.0)
    package80530 (1.0.0)
    package80531 (1.0.0)
    package80532 (1.0.0)
    package80533 (1.0.0)
    package80534 (1.0.0)
    package80535 (1.0.0)
    package80536 (1.0.0)
    package80537 (1.0.0)
    package80538 (1.0.0)
    package80539 (1.0.0)
    package80540 (1.0.0)
    package80541 (1.0.0)
    package80542 (1.0.0)
    package80543 (1.0.0)
    package80544 (1.0.0)
    package80545 (1.0.0)
    package80546 (1.0.0)
    package80547 (1.0.0)
    package80548 (1.0.0)
    package80549 (1.0.0)
    package80550 (1.0.0)
    package80551 (1.0.0)
    package80552 (1.0.0)
    package80553 (1.0.0)
    package80554 (1.0.0)
    package80555 (1.0.0)
    package80556 (1.0.0)
    package80557 (1.0.0)
    package80558 (1.0.0)
    package80559 (1.0.0)
    package80560 (1.0.0)
    package80561 (1.0.0)
    package80562 (1.0.0)
    package80563 (1.0.0)
    package80564 (1.0.0)
    package80565 (1.0.0)
    package80566 (1.0.0)
    package80567 (1.0.0)
    package80568 (1.0.0)
    package80569 (1.0.0)
    package80570 (1.0.0)
    package80571 (1.0.0)
    package80572 (1.0.0)
    package80573 (1.0.0)
    package80574 (1.0.0)
    package80575 (1.0.0)
    package80576 (1.0.0)
    package80577 (1.0.0)
    package80578 (1.0.0)
    package80579 (1.0.0)
    package80580 (1.0.0)
    package80581 (1.0.0)
    package80582 (1.0.0)
    package80583 (1.0.0)
    package80584 (1.0.0)
    package80585 (1.0.0)
    package80586 (1.0.0)
    package80587 (1.0.0)
    package80588 (1.0.0)
    package80589 (1.0.0)
    package80590 (1.0.0)
    package80591 (1.0.0)
    package80592 (1.0.0)
    package80593 (1.0.0)
    package80594 (1.0.0)
    package80595 (1.0.0)
    package80596 (1.0.0)
    package80597 (1.0.0)
    package80598 (1.0.0)
    package80599 (1.0.0)
    package80600 (1.0.0)
    package80601 (1.0.0)
    package80602 (1.0.0)
    package80603 (1.0.0)
    package80604 (1.0.0)
    package80605 (1.0.0)
    package80606 (1.0.0)
    package80607 (1.0.0)
    package80608 (1.0.0)
    package80609 (1.0.0)
    package80610 (1.0.0)
    package80611 (1.0.0)
    package80612 (1.0.0)
    package80613 (1.0.0)
    package80614 (1.0.0)
    package80615 (1.0.0)
    package80616 (1.0.0)
    package80617 (1.0.0)
    package80618 (1.0.0)
    package80619 (1.0.0)
    package80620 (1.0.0)
    package80621 (1.0.0)
    package80622 (1.0.0)
    package80623 (1.0.0)
    package80624 (1.0.0)
    package80625 (1.0.0)
    package80626 (1.0.0)
    package80627 (1.0.0)
    package80628 (1.0.0)
    package80629 (1.0.0)
    package80630 (1.0.0)
    package80631 (1.0.0)
    package80632 (1.0.0)
    package80633 (1.0.0)
    package80634 (1.0.0)
    package80635 (1.0.0)
    package80636 (1.0.0)
    package80637 (1.0.0)
    package80638 (1.0.0)
    package80639 (1.0.0)
    package80640 (1.0.0)
    package80641 (1.0.0)
    package80642 (1.0.0)
    package80643 (1.0.0)
    package80644 (1.0.0)
    package80645 (1.0.0)
    package80646 (1.0.0)
    package80647 (1.0.0)
    package80648 (1.0.0)
    package80649 (1.0.0)
    package80650 (1.0.0)
    package80651 (1.0.0)
    package80652 (1.0.0)
    package80653 (1.0.0)
    package80654 (1.0.0)
    package80655 (1.0.0)
    package80656 (1.0.0)
    package80657 (1.0.0)
    package80658 (1.0.0)
    package80659 (1.0.0)
    package80660 (1.0.0)
    package80661 (1.0.0)
    package80662 (1.0.0)
    package80663 (1.0.0)
    package80664 (1.0.0)
    package80665 (1.0.0)
    package80666 (1.0.0)
    package80667 (1.0.0)
    package80668 (1.0.0)
    package80669 (1.0.0)
    package80670 (1.0.0)
    package80671 (1.0.0)
    package80672 (1.0.0)
    package80673 (1.0.0)
    package80674 (1.0.0)
    package80675 (1.0.0)
    package80676 (1.0.0)
    package80677 (1.0.0)
    package80678 (1.0.0)
    package80679 (1.0.0)
    package80680 (1.0.0)
    package80681 (1.0.0)
    package80682 (1.0.0)
    package80683 (1.0.0)
    package80684 (1.0.0)
    package80685 (1.0.0)
    package80686 (1.0.0)
    package80687 (1.0.0)
    package80688 (1.0.0)
    package80689 (1.0.0)
    package80690 (1.0.0)
    package80691 (1.0.0)
    package80692 (1.0.0)
    package80693 (1.0.0)
    package80694 (1.0.0)
    package80695 (1.0.0)
    package80696 (1.0.0)
    package80697 (1.0.0)
    package80698 (1.0.0)
    package80699 (1.0.0)
    package80700 (1.0.0)
    package80701 (1.0.0)
    package80702 (1.0.0)
    package80703 (1.0.0)
    package80704 (1.0.0)
    package80705 (1.0.0)
    package80706 (1.0.0)
    package80707 (1.0.0)
    package80708 (1.0.0)
    package80709 (1.0.0)
    package80710 (1.0.0)
    package80711 (1.0.0)
    package80712 (1.0.0)
    package80713 (1.0.0)
    package80714 (1.0.0)
    package80715 (1.0.0)
    package80716 (1.0.0)
    package80717 (1.0.0)
    package80718 (1.0.0)
    package80719 (1.0.0)
    package80720 (1.0.0)
    package80721 (1.0.0)
    package80722 (1.0.0)
    package80723 (1.0.0)
    package80724 (1.0.0)
    package80725 (1.0.0)
    package80726 (1.0.0)
    package80727 (1.0.0)
    package80728 (1.0.0)
    package80729 (1.0.0)
    package80730 (1.0.0)
    package80731 (1.0.0)
    package80732 (1.0.0)
    package80733 (1.0.0)
    package80734 (1.0.0)
    package80735 (1.0.0)
    package80736 (1.0.0)
    package80737 (1.0.0)
    package80738 (1.0.0)
    package80739 (1.0.0)
    package80740 (1.0.0)
    package80741 (1.0.0)
    package80742 (1.0.0)
    package80743 (1.0.0)
    package80744 (1.0.0)
    package80745 (1.0.0)
    package80746 (1.0.0)
    package80747 (1.0.0)
    package80748 (1.0.0)
    package80749 (1.0.0)
    package80750 (1.0.0)
    package80751 (1.0.0)
    package80752 (1.0.0)
    package80753 (1.0.0)
    package80754 (1.0.0)
    package80755 (1.0.0)
    package80756 (1.0.0)
    package80757 (1.0.0)
    package80758 (1.0.0)
    package80759 (1.0.0)
    package80760 (1.0.0)
    package80761 (1.0.0)
    package80762 (1.0.0)
    package80763 (1.0.0)
    package80764 (1.0.0)
    package80765 (1.0.0)
    package80766 (1.0.0)
    package80767 (1.0.0)
    package80768 (1.0.0)
    package80769 (1.0.0)
    package80770 (1.0.0)
    package80771 (1.0.0)
    package80772 (1.0.0)
    package80773 (1.0.0)
    package80774 (1.0.0)
    package80775 (1.0.0)
    package80776 (1.0.0)
    package80777 (1.0.0)
    package80778 (1.0.0)
    package80779 (1.0.0)
    package80780 (1.0.0)
    package80781 (1.0.0)
    package80782 (1.0.0)
    package80783 (1.0.0)
    package80784 (1.0.0)
    package80785 (1.0.0)
    package80786 (1.0.0)
    package80787 (1.0.0)
    package80788 (1.0.0)
    package80789 (1.0.0)
    package80790 (1.0.0)
    package80791 (1.0.0)
    package80792 (1.0.0)
    package80793 (1.0.0)
    package80794 (1.0.0)
    package80795 (1.0.0)
    package80796 (1.0.0)
    package80797 (1.0.0)
    package80798 (1.0.0)
    package80799 (1.0.0)
    package80800 (1.0.0)
    package80801 (1.0.0)
    package80802 (1.0.0)
    package80803 (1.0.0)
    package80804 (1.0.0)
    package80805 (1.0.0)
    package80806 (1.0.0)
    package80807 (1.0.0)
    package80808 (1.0.0)
    package80809 (1.0.0)
    package80810 (1.0.0)
    package80811 (1.0.0)
    package80812 (1.0.0)
    package80813 (1.0.0)
    package80814 (1.0.0)
    package80815 (1.0.0)
    package80816 (1.0.0)
    package80817 (1.0.0)
    package80818 (1.0.0)
    package80819 (1.0.0)
    package80820 (1.0.0)
    package80821 (1.0.0)
    package80822 (1.0.0)
    package80823 (1.0.0)
    package80824 (1.0.0)
    package80825 (1.0.0)
    package80826 (1.0.0)
    package80827 (1.0.0)
    package80828 (1.0.0)
    package80829 (1.0.0)
    package80830 (1.0.0)
    package80831 (1.0.0)
    package80832 (1.0.0)
    package80833 (1.0.0)
    package80834 (1.0.0)
    package80835 (1.0.0)
    package80836 (1.0.0)
    package80837 (1.0.0)
    package80838 (1.0.0)
    package80839 (1.0.0)
    package80840 (1.0.0)
    package80841 (1.0.0)
    package80842 (1.0.0)
    package80843 (1.0.0)
    package80844 (1.0.0)
    package80845 (1.0.0)
    package80846 (1.0.0)
    package80847 (1.0.0)
    package80848 (1.0.0)
    package80849 (1.0.0)
    package80850 (1.0.0)
    package80851 (1.0.0)
    package80852 (1.0.0)
    package80853 (1.0.0)
    package80854 (1.0.0)
    package80855 (1.0.0)
    package80856 (1.0.0)
    package80857 (1.0.0)
    package80858 (1.0.0)
    package80859 (1.0.0)
    package80860 (1.0.0)
    package80861 (1.0.0)
    package80862 (1.0.0)
    package80863 (1.0.0)
    package80864 (1.0.0)
    package80865 (1.0.0)
    package80866 (1.0.0)
    package80867 (1.0.0)
    package80868 (1.0.0)
    package80869 (1.0.0)
    package80870 (1.0.0)
    package80871 (1.0.0)
    package80872 (1.0.0)
    package80873 (1.0.0)
    package80874 (1.0.0)
    package80875 (1.0.0)
    package80876 (1.0.0)
    package80877 (1.0.0)
    package80878 (1.0.0)
    package80879 (1.0.0)
    package80880 (1.0.0)
    package80881 (1.0.0)
    package80882 (1.0.0)
    package80883 (1.0.0)
    package80884 (1.0.0)
    package80885 (1.0.0)
    package80886 (1.0.0)
    package80887 (1.0.0)
    package80888 (1.0.0)
    package80889 (1.0.0)
    package80890 (1.0.0)
    package80891 (1.0.0)
    package80892 (1.0.0)
    package80893 (1.0.0)
    package80894 (1.0.0)
    package80895 (1.0.0)
    package80896 (1.0.0)
    package80897 (1.0.0)
    package80898 (1.0.0)
    package80899 (1.0.0)
    package80900 (1.0.0)
    package80901 (1.0.0)
    package80902 (1.0.0)
    package80903 (1.0.0)
    package80904 (1.0.0)
    package80905 (1.0.0)
    package80906 (1.0.0)
    package80907 (1.0.0)
    package80908 (1.0.0)
    package80909 (1.0.0)
    package80910 (1.0.0)
    package80911 (1.0.0)
    package80912 (1.0.0)
    package80913 (1.0.0)
    package80914 (1.0.0)
    package80915 (1.0.0)
    package80916 (1.0.0)
    package80917 (1.0.0)
    package80918 (1.0.0)
    package80919 (1.0.0)
    package80920 (1.0.0)
    package80921 (1.0.0)
    package80922 (1.0.0)
    package80923 (1.0.0)
    package80924 (1.0.0)
    package80925 (1.0.0)
    package80926 (1.0.0)
    package80927 (1.0.0)
    package80928 (1.0.0)
    package80929 (1.0.0)
    package80930 (1.0.0)
    package80931 (1.0.0)
    package80932 (1.0.0)
    package80933 (1.0.0)
    package80934 (1.0.0)
    package80935 (1.0.0)
    package80936 (1.0.0)
    package80937 (1.0.0)
    package80938 (1.0.0)
    package80939 (1.0.0)
    package80940 (1.0.0)
    package80941 (1.0.0)
    package80942 (1.0.0)
    package80943 (1.0.0)
    package80944 (1.0.0)
    package80945 (1.0.0)
    package80946 (1.0.0)
    package80947 (1.0.0)
    package80948 (1.0.0)
    package80949 (1.0.0)
    package80950 (1.0.0)
    package80951 (1.0.0)
    package80952 (1.0.0)
    package80953 (1.0.0)
    package80954 (1.0.0)
    package80955 (1.0.0)
    package80956 (1.0.0)
    package80957 (1.0.0)
    package80958 (1.0.0)
    package80959 (1.0.0)
    package80960 (1.0.0)
    package80961 (1.0.0)
    package80962 (1.0.0)
    package80963 (1.0.0)
    package80964 (1.0.0)
    package80965 (1.0.0)
    package80966 (1.0.0)
    package80967 (1.0.0)
    package80968 (1.0.0)
    package80969 (1.0.0)
    package80970 (1.0.0)
    package80971 (1.0.0)
    package80972 (1.0.0)
    package80973 (1.0.0)
    package80974 (1.0.0)
    package80975 (1.0.0)
    package80976 (1.0.0)
    package80977 (1.0.0)
    package80978 (1.0.0)
    package80979 (1.0.0)
    package80980 (1.0.0)
    package80981 (1.0.0)
    package80982 (1.0.0)
    package80983 (1.0.0)
    package80984 (1.0.0)
    package80985 (1.0.0)
    package80986 (1.0.0)
    package80987 (1.0.0)
    package80988 (1.0.0)
    package80989 (1.0.0)
    package80990 (1.0.0)
    package80991 (1.0.0)
    package80992 (1.0.0)
    package80993 (1.0.0)
    package80994 (1.0.0)
    package80995 (1.0.0)
    package80996 (1.0.0)
    package80997 (1.0.0)
    package80998 (1.0.0)
    package80999 (1.0.0)
    package81000 (1.0.0)
    package81001 (1.0.0)
    package81002 (1.0.0)
    package81003 (1.0.0)
    package81004 (1.0.0)
    package81005 (1.0.0)
    package81006 (1.0.0)
    package81007 (1.0.0)
    package81008 (1.0.0)
    package81009 (1.0.0)
    package81010 (1.0.0)
    package81011 (1.0.0)
    package81012 (1.0.0)
    package81013 (1.0.0)
    package81014 (1.0.0)
    package81015 (1.0.0)
    package81016 (1.0.0)
    package81017 (1.0.0)
    package81018 (1.0.0)
    package81019 (1.0.0)
    package81020 (1.0.0)
    package81021 (1.0.0)
    package81022 (1.0.0)
    package81023 (1.0.0)
    package81024 (1.0.0)
    package81025 (1.0.0)
    package81026 (1.0.0)
    package81027 (1.0.0)
    package81028 (1.0.0)
    package81029 (1.0.0)
    package81030 (1.0.0)
    package81031 (1.0.0)
    package81032 (1.0.0)
    package81033 (1.0.0)
    package81034 (1.0.0)
    package81035 (1.0.0)
    package81036 (1.0.0)
    package81037 (1.0.0)
    package81038 (1.0.0)
    package81039 (1.0.0)
    package81040 (1.0.0)
    package81041 (1.0.0)
    package81042 (1.0.0)
    package81043 (1.0.0)
    package81044 (1.0.0)
    package81045 (1.0.0)
    package81046 (1.0.0)
    package81047 (1.0.0)
    package81048 (1.0.0)
    package81049 (1.0.0)
    package81050 (1.0.0)
    package81051 (1.0.0)
    package81052 (1.0.0)
    package81053 (1.0.0)
    package81054 (1.0.0)
    package81055 (1.0.0)
    package81056 (1.0.0)
    package81057 (1.0.0)
    package81058 (1.0.0)
    package81059 (1.0.0)
    package81060 (1.0.0)
    package81061 (1.0.0)
    package81062 (1.0.0)
    package81063 (1.0.0)
    package81064 (1.0.0)
    package81065 (1.0.0)
    package81066 (1.0.0)
    package81067 (1.0.0)
    package81068 (1.0.0)
    package81069 (1.0.0)
    package81070 (1.0.0)
    package81071 (1.0.0)
    package81072 (1.0.0)
    package81073 (1.0.0)
    package81074 (1.0.0)
    package81075 (1.0.0)
    package81076 (1.0.0)
    package81077 (1.0.0)
    package81078 (1.0.0)
    package81079 (1.0.0)
    package81080 (1.0.0)
    package81081 (1.0.0)
    package81082 (1.0.0)
    package81083 (1.0.0)
    package81084 (1.0.0)
    package81085 (1.0.0)
    package81086 (1.0.0)
    package81087 (1.0.0)
    package81088 (1.0.0)
    package81089 (1.0.0)
    package81090 (1.0.0)
    package81091 (1.0.0)
    package81092 (1.0.0)
    package81093 (1.0.0)
    package81094 (1.0.0)
    package81095 (1.0.0)
    package81096 (1.0.0)
    package81097 (1.0.0)
    package81098 (1.0.0)
    package81099 (1.0.0)
    package81100 (1.0.0)
    package81101 (1.0.0)
    package81102 (1.0.0)
    package81103 (1.0.0)
    package81104 (1.0.0)
    package81105 (1.0.0)
    package81106 (1.0.0)
    package81107 (1.0.0)
    package81108 (1.0.0)
    package81109 (1.0.0)
    package81110 (1.0.0)
    package81111 (1.0.0)
    package81112 (1.0.0)
    package81113 (1.0.0)
    package81114 (1.0.0)
    package81115 (1.0.0)
    package81116 (1.0.0)
    package81117 (1.0.0)
    package81118 (1.0.0)
    package81119 (1.0.0)
    package81120 (1.0.0)
    package81121 (1.0.0)
    package81122 (1.0.0)
    package81123 (1.0.0)
    package81124 (1.0.0)
    package81125 (1.0.0)
    package81126 (1.0.0)
    package81127 (1.0.0)
    package81128 (1.0.0)
    package81129 (1.0.0)
    package81130 (1.0.0)
    package81131 (1.0.0)
    package81132 (1.0.0)
    package81133 (1.0.0)
    package81134 (1.0.0)
    package81135 (1.0.0)
    package81136 (1.0.0)
    package81137 (1.0.0)
    package81138 (1.0.0)
    package81139 (1.0.0)
    package81140 (1.0.0)
    package81141 (1.0.0)
    package81142 (1.0.0)
    package81143 (1.0.0)
    package81144 (1.0.0)
    package81145 (1.0.0)
    package81146 (1.0.0)
    package81147 (1.0.0)
    package81148 (1.0.0)
    package81149 (1.0.0)
    package81150 (1.0.0)
    package81151 (1.0.0)
    package81152 (1.0.0)
    package81153 (1.0.0)
    package81154 (1.0.0)
    package81155 (1.0.0)
    package81156 (1.0.0)
    package81157 (1.0.0)
    package81158 (1.0.0)
    package81159 (1.0.0)
    package81160 (1.0.0)
    package81161 (1.0.0)
    package81162 (1.0.0)
    package81163 (1.0.0)
    package81164 (1.0.0)
    package81165 (1.0.0)
    package81166 (1.0.0)
    package81167 (1.0.0)
    package81168 (1.0.0)
    package81169 (1.0.0)
    package81170 (1.0.0)
    package81171 (1.0.0)
    package81172 (1.0.0)
    package81173 (1.0.0)
    package81174 (1.0.0)
    package81175 (1.0.0)
    package81176 (1.0.0)
    package81177 (1.0.0)
    package81178 (1.0.0)
    package81179 (1.0.0)
    package81180 (1.0.0)
    package81181 (1.0.0)
    package81182 (1.0.0)
    package81183 (1.0.0)
    package81184 (1.0.0)
    package81185 (1.0.0)
    package81186 (1.0.0)
    package81187 (1.0.0)
    package81188 (1.0.0)
    package81189 (1.0.0)
    package81190 (1.0.0)
    package81191 (1.0.0)
    package81192 (1.0.0)
    package81193 (1.0.0)
    package81194 (1.0.0)
    package81195 (1.0.0)
    package81196 (1.0.0)
    package81197 (1.0.0)
    package81198 (1.0.0)
    package81199 (1.0.0)
    package81200 (1.0.0)
    package81201 (1.0.0)
    package81202 (1.0.0)
    package81203 (1.0.0)
    package81204 (1.0.0)
    package81205 (1.0.0)
    package81206 (1.0.0)
    package81207 (1.0.0)
    package81208 (1.0.0)
    package81209 (1.0.0)
    package81210 (1.0.0)
    package81211 (1.0.0)
    package81212 (1.0.0)
    package81213 (1.0.0)
    package81214 (1.0.0)
    package81215 (1.0.0)
    package81216 (1.0.0)
    package81217 (1.0.0)
    package81218 (1.0.0)
    package81219 (1.0.0)
    package81220 (1.0.0)
    package81221 (1.0.0)
    package81222 (1.0.0)
    package81223 (1.0.0)
    package81224 (1.0.0)
    package81225 (1.0.0)
    package81226 (1.0.0)
    package81227 (1.0.0)
    package81228 (1.0.0)
    package81229 (1.0.0)
    package81230 (1.0.0)
    package81231 (1.0.0)
    package81232 (1.0.0)
    package81233 (1.0.0)
    package81234 (1.0.0)
    package81235 (1.0.0)
    package81236 (1.0.0)
    package81237 (1.0.0)
    package81238 (1.0.0)
    package81239 (1.0.0)
    package81240 (1.0.0)
    package81241 (1.0.0)
    package81242 (1.0.0)
    package81243 (1.0.0)
    package81244 (1.0.0)
    package81245 (1.0.0)
    package81246 (1.0.0)
    package81247 (1.0.0)
    package81248 (1.0.0)
    package81249 (1.0.0)
    package81250 (1.0.0)
    package81251 (1.0.0)
    package81252 (1.0.0)
    package81253 (1.0.0)
    package81254 (1.0.0)
    package81255 (1.0.0)
    package81256 (1.0.0)
    package81257 (1.0.0)
    package81258 (1.0.0)
    package81259 (1.0.0)
    package81260 (1.0.0)
    package81261 (1.0.0)
    package81262 (1.0.0)
    package81263 (1.0.0)
    package81264 (1.0.0)
    package81265 (1.0.0)
    package81266 (1.0.0)
    package81267 (1.0.0)
    package81268 (1.0.0)
    package81269 (1.0.0)
    package81270 (1.0.0)
    package81271 (1.0.0)
    package81272 (1.0.0)
    package81273 (1.0.0)
    package81274 (1.0.0)
    package81275 (1.0.0)
    package81276 (1.0.0)
    package81277 (1.0.0)
    package81278 (1.0.0)
    package81279 (1.0.0)
    package81280 (1.0.0)
    package81281 (1.0.0)
    package81282 (1.0.0)
    package81283 (1.0.0)
    package81284 (1.0.0)
    package81285 (1.0.0)
    package81286 (1.0.0)
    package81287 (1.0.0)
    package81288 (1.0.0)
    package81289 (1.0.0)
    package81290 (1.0.0)
    package81291 (1.0.0)
    package81292 (1.0.0)
    package81293 (1.0.0)
    package81294 (1.0.0)
    package81295 (1.0.0)
    package81296 (1.0.0)
    package81297 (1.0.0)
    package81298 (1.0.0)
    package81299 (1.0.0)
    package81300 (1.0.0)
    package81301 (1.0.0)
    package81302 (1.0.0)
    package81303 (1.0.0)
    package81304 (1.0.0)
    package81305 (1.0.0)
    package81306 (1.0.0)
    package81307 (1.0.0)
    package81308 (1.0.0)
    package81309 (1.0.0)
    package81310 (1.0.0)
    package81311 (1.0.0)
    package81312 (1.0.0)
    package81313 (1.0.0)
    package81314 (1.0.0)
    package81315 (1.0.0)
    package81316 (1.0.0)
    package81317 (1.0.0)
    package81318 (1.0.0)
    package81319 (1.0.0)
    package81320 (1.0.0)
    package81321 (1.0.0)
    package81322 (1.0.0)
    package81323 (1.0.0)
    package81324 (1.0.0)
    package81325 (1.0.0)
    package81326 (1.0.0)
    package81327 (1.0.0)
    package81328 (1.0.0)
    package81329 (1.0.0)
    package81330 (1.0.0)
    package81331 (1.0.0)
    package81332 (1.0.0)
    package81333 (1.0.0)
    package81334 (1.0.0)
    package81335 (1.0.0)
    package81336 (1.0.0)
    package81337 (1.0.0)
    package81338 (1.0.0)
    package81339 (1.0.0)
    package81340 (1.0.0)
    package81341 (1.0.0)
    package81342 (1.0.0)
    package81343 (1.0.0)
    package81344 (1.0.0)
    package81345 (1.0.0)
    package81346 (1.0.0)
    package81347 (1.0.0)
    package81348 (1.0.0)
    package81349 (1.0.0)
    package81350 (1.0.0)
    package81351 (1.0.0)
    package81352 (1.0.0)
    package81353 (1.0.0)
    package81354 (1.0.0)
    package81355 (1.0.0)
    package81356 (1.0.0)
    package81357 (1.0.0)
    package81358 (1.0.0)
    package81359 (1.0.0)
    package81360 (1.0.0)
    package81361 (1.0.0)
    package81362 (1.0.0)
    package81363 (1.0.0)
    package81364 (1.0.0)
    package81365 (1.0.0)
    package81366 (1.0.0)
    package81367 (1.0.0)
    package81368 (1.0.0)
    package81369 (1.0.0)
    package81370 (1.0.0)
    package81371 (1.0.0)
    package81372 (1.0.0)
    package81373 (1.0.0)
    package81374 (1.0.0)
    package81375 (1.0.0)
    package81376 (1.0.0)
    package81377 (1.0.0)
    package81378 (1.0.0)
    package81379 (1.0.0)
    package81380 (1.0.0)
    package81381 (1.0.0)
    package81382 (1.0.0)
    package81383 (1.0.0)
    package81384 (1.0.0)
    package81385 (1.0.0)
    package81386 (1.0.0)
    package81387 (1.0.0)
    package81388 (1.0.0)
    package81389 (1.0.0)
    package81390 (1.0.0)
    package81391 (1.0.0)
    package81392 (1.0.0)
    package81393 (1.0.0)
    package81394 (1.0.0)
    package81395 (1.0.0)
    package81396 (1.0.0)
    package81397 (1.0.0)
    package81398 (1.0.0)
    package81399 (1.0.0)
    package81400 (1.0.0)
    package81401 (1.0.0)
    package81402 (1.0.0)
    package81403 (1.0.0)
    package81404 (1.0.0)
    package81405 (1.0.0)
    package81406 (1.0.0)
    package81407 (1.0.0)
    package81408 (1.0.0)
    package81409 (1.0.0)
    package81410 (1.0.0)
    package81411 (1.0.0)
    package81412 (1.0.0)
    package81413 (1.0.0)
    package81414 (1.0.0)
    package81415 (1.0.0)
    package81416 (1.0.0)
    package81417 (1.0.0)
    package81418 (1.0.0)
    package81419 (1.0.0)
    package81420 (1.0.0)
    package81421 (1.0.0)
    package81422 (1.0.0)
    package81423 (1.0.0)
    package81424 (1.0.0)
    package81425 (1.0.0)
    package81426 (1.0.0)
    package81427 (1.0.0)
    package81428 (1.0.0)
    package81429 (1.0.0)
    package81430 (1.0.0)
    package81431 (1.0.0)
    package81432 (1.0.0)
    package81433 (1.0.0)
    package81434 (1.0.0)
    package81435 (1.0.0)
    package81436 (1.0.0)
    package81437 (1.0.0)
    package81438 (1.0.0)
    package81439 (1.0.0)
    package81440 (1.0.0)
    package81441 (1.0.0)
    package81442 (1.0.0)
    package81443 (1.0.0)
    package81444 (1.0.0)
    package81445 (1.0.0)
    package81446 (1.0.0)
    package81447 (1.0.0)
    package81448 (1.0.0)
    package81449 (1.0.0)
    package81450 (1.0.0)
    package81451 (1.0.0)
    package81452 (1.0.0)
    package81453 (1.0.0)
    package81454 (1.0.0)
    package81455 (1.0.0)
    package81456 (1.0.0)
    package81457 (1.0.0)
    package81458 (1.0.0)
    package81459 (1.0.0)
    package81460 (1.0.0)
    package81461 (1.0.0)
    package81462 (1.0.0)
    package81463 (1.0.0)
    package81464 (1.0.0)
    package81465 (1.0.0)
    package81466 (1.0.0)
    package81467 (1.0.0)
    package81468 (1.0.0)
    package81469 (1.0.0)
    package81470 (1.0.0)
    package81471 (1.0.0)
    package81472 (1.0.0)
    package81473 (1.0.0)
    package81474 (1.0.0)
    package81475 (1.0.0)
    package81476 (1.0.0)
    package81477 (1.0.0)
    package81478 (1.0.0)
    package81479 (1.0.0)
    package81480 (1.0.0)
    package81481 (1.0.0)
    package81482 (1.0.0)
    package81483 (1.0.0)
    package81484 (1.0.0)
    package81485 (1.0.0)
    package81486 (1.0.0)
    package81487 (1.0.0)
    package81488 (1.0.0)
    package81489 (1.0.0)
    package81490 (1.0.0)
    package81491 (1.0.0)
    package81492 (1.0.0)
    package81493 (1.0.0)
    package81494 (1.0.0)
    package81495 (1.0.0)
    package81496 (1.0.0)
    package81497 (1.0.0)
    package81498 (1.0.0)
    package81499 (1.0.0)
    package81500 (1.0.0)
    package81501 (1.0.0)
    package81502 (1.0.0)
    package81503 (1.0.0)
    package81504 (1.0.0)
    package81505 (1.0.0)
    package81506 (1.0.0)
    package81507 (1.0.0)
    package81508 (1.0.0)
    package81509 (1.0.0)
    package81510 (1.0.0)
    package81511 (1.0.0)
    package81512 (1.0.0)
    package81513 (1.0.0)
    package81514 (1.0.0)
    package81515 (1.0.0)
    package81516 (1.0.0)
    package81517 (1.0.0)
    package81518 (1.0.0)
    package81519 (1.0.0)
    package81520 (1.0.0)
    package81521 (1.0.0)
    package81522 (1.0.0)
    package81523 (1.0.0)
    package81524 (1.0.0)
    package81525 (1.0.0)
    package81526 (1.0.0)
    package81527 (1.0.0)
    package81528 (1.0.0)
    package81529 (1.0.0)
    package81530 (1.0.0)
    package81531 (1.0.0)
    package81532 (1.0.0)
    package81533 (1.0.0)
    package81534 (1.0.0)
    package81535 (1.0.0)
    package81536 (1.0.0)
    package81537 (1.0.0)
    package81538 (1.0.0)
    package81539 (1.0.0)
    package81540 (1.0.0)
    package81541 (1.0.0)
    package81542 (1.0.0)
    package81543 (1.0.0)
    package81544 (1.0.0)
    package81545 (1.0.0)
    package81546 (1.0.0)
    package81547 (1.0.0)
    package81548 (1.0.0)
    package81549 (1.0.0)
    package81550 (1.0.0)
    package81551 (1.0.0)
    package81552 (1.0.0)
    package81553 (1.0.0)
    package81554 (1.0.0)
    package81555 (1.0.0)
    package81556 (1.0.0)
    package81557 (1.0.0)
    package81558 (1.0.0)
    package81559 (1.0.0)
    package81560 (1.0.0)
    package81561 (1.0.0)
    package81562 (1.0.0)
    package81563 (1.0.0)
    package81564 (1.0.0)
    package81565 (1.0.0)
    package81566 (1.0.0)
    package81567 (1.0.0)
    package81568 (1.0.0)
    package81569 (1.0.0)
    package81570 (1.0.0)
    package81571 (1.0.0)
    package81572 (1.0.0)
    package81573 (1.0.0)
    package81574 (1.0.0)
    package81575 (1.0.0)
    package81576 (1.0.0)
    package81577 (1.0.0)
    package81578 (1.0.0)
    package81579 (1.0.0)
    package81580 (1.0.0)
    package81581 (1.0.0)
    package81582 (1.0.0)
    package81583 (1.0.0)
    package81584 (1.0.0)
    package81585 (1.0.0)
    package81586 (1.0.0)
    package81587 (1.0.0)
    package81588 (1.0.0)
    package81589 (1.0.0)
    package81590 (1.0.0)
    package81591 (1.0.0)
    package81592 (1.0.0)
    package81593 (1.0.0)
    package81594 (1.0.0)
    package81595 (1.0.0)
    package81596 (1.0.0)
    package81597 (1.0.0)
    package81598 (1.0.0)
    package81599 (1.0.0)
    package81600 (1.0.0)
    package81601 (1.0.0)
    package81602 (1.0.0)
    package81603 (1.0.0)
    package81604 (1.0.0)
    package81605 (1.0.0)
    package81606 (1.0.0)
    package81607 (1.0.0)
    package81608 (1.0.0)
    package81609 (1.0.0)
    package81610 (1.0.0)
    package81611 (1.0.0)
    package81612 (1.0.0)
    package81613 (1.0.0)
    package81614 (1.0.0)
    package81615 (1.0.0)
    package81616 (1.0.0)
    package81617 (1.0.0)
    package81618 (1.0.0)
    package81619 (1.0.0)
    package81620 (1.0.0)
    package81621 (1.0.0)
    package81622 (1.0.0)
    package81623 (1.0.0)
    package81624 (1.0.0)
    package81625 (1.0.0)
    package81626 (1.0.0)
    package81627 (1.0.0)
    package81628 (1.0.0)
    package81629 (1.0.0)
    package81630 (1.0.0)
    package81631 (1.0.0)
    package81632 (1.0.0)
    package81633 (1.0.0)
    package81634 (1.0.0)
    package81635 (1.0.0)
    package81636 (1.0.0)
    package81637 (1.0.0)
    package81638 (1.0.0)
    package81639 (1.0.0)
    package81640 (1.0.0)
    package81641 (1.0.0)
    package81642 (1.0.0)
    package81643 (1.0.0)
    package81644 (1.0.0)
    package81645 (1.0.0)
    package81646 (1.0.0)
    package81647 (1.0.0)
    package81648 (1.0.0)
    package81649 (1.0.0)
    package81650 (1.0.0)
    package81651 (1.0.0)
    package81652 (1.0.0)
    package81653 (1.0.0)
    package81654 (1.0.0)
    package81655 (1.0.0)
    package81656 (1.0.0)
    package81657 (1.0.0)
    package81658 (1.0.0)
    package81659 (1.0.0)
    package81660 (1.0.0)
    package81661 (1.0.0)
    package81662 (1.0.0)
    package81663 (1.0.0)
    package81664 (1.0.0)
    package81665 (1.0.0)
    package81666 (1.0.0)
    package81667 (1.0.0)
    package81668 (1.0.0)
    package81669 (1.0.0)
    package81670 (1.0.0)
    package81671 (1.0.0)
    package81672 (1.0.0)
    package81673 (1.0.0)
    package81674 (1.0.0)
    package81675 (1.0.0)
    package81676 (1.0.0)
    package81677 (1.0.0)
    package81678 (1.0.0)
    package81679 (1.0.0)
    package81680 (1.0.0)
    package81681 (1.0.0)
    package81682 (1.0.0)
    package81683 (1.0.0)
    package81684 (1.0.0)
    package81685 (1.0.0)
    package81686 (1.0.0)
    package81687 (1.0.0)
    package81688 (1.0.0)
    package81689 (1.0.0)
    package81690 (1.0.0)
    package81691 (1.0.0)
    package81692 (1.0.0)
    package81693 (1.0.0)
    package81694 (1.0.0)
    package81695 (1.0.0)
    package81696 (1.0.0)
    package81697 (1.0.0)
    package81698 (1.0.0)
    package81699 (1.0.0)
    package81700 (1.0.0)
    package81701 (1.0.0)
    package81702 (1.0.0)
    package81703 (1.0.0)
    package81704 (1.0.0)
    package81705 (1.0.0)
    package81706 (1.0.0)
    package81707 (1.0.0)
    package81708 (1.0.0)
    package81709 (1.0.0)
    package81710 (1.0.0)
    package81711 (1.0.0)
    package81712 (1.0.0)
    package81713 (1.0.0)
    package81714 (1.0.0)
    package81715 (1.0.0)
    package81716 (1.0.0)
    package81717 (1.0.0)
    package81718 (1.0.0)
    package81719 (1.0.0)
    package81720 (1.0.0)
    package81721 (1.0.0)
    package81722 (1.0.0)
    package81723 (1.0.0)
    package81724 (1.0.0)
    package81725 (1.0.0)
    package81726 (1.0.0)
    package81727 (1.0.0)
    package81728 (1.0.0)
    package81729 (1.0.0)
    package81730 (1.0.0)
    package81731 (1.0.0)
    package81732 (1.0.0)
    package81733 (1.0.0)
    package81734 (1.0.0)
    package81735 (1.0.0)
    package81736 (1.0.0)
    package81737 (1.0.0)
    package81738 (1.0.0)
    package81739 (1.0.0)
    package81740 (1.0.0)
    package81741 (1.0.0)
    package81742 (1.0.0)
    package81743 (1.0.0)
    package81744 (1.0.0)
    package81745 (1.0.0)
    package81746 (1.0.0)
    package81747 (1.0.0)
    package81748 (1.0.0)
    package81749 (1.0.0)
    package81750 (1.0.0)
    package81751 (1.0.0)
    package81752 (1.0.0)
    package81753 (1.0.0)
    package81754 (1.0.0)
    package81755 (1.0.0)
    package81756 (1.0.0)
    package81757 (1.0.0)
    package81758 (1.0.0)
    package81759 (1.0.0)
    package81760 (1.0.0)
    package81761 (1.0.0)
    package81762 (1.0.0)
    package81763 (1.0.0)
    package81764 (1.0.0)
    package81765 (1.0.0)
    package81766 (1.0.0)
    package81767 (1.0.0)
    package81768 (1.0.0)
    package81769 (1.0.0)
    package81770 (1.0.0)
    package81771 (1.0.0)
    package81772 (1.0.0)
    package81773 (1.0.0)
    package81774 (1.0.0)
    package81775 (1.0.0)
    package81776 (1.0.0)
    package81777 (1.0.0)
    package81778 (1.0.0)
    package81779 (1.0.0)
    package81780 (1.0.0)
    package81781 (1.0.0)
    package81782 (1.0.0)
    package81783 (1.0.0)
    package81784 (1.0.0)
    package81785 (1.0.0)
    package81786 (1.0.0)
    package81787 (1.0.0)
    package81788 (1.0.0)
    package81789 (1.0.0)
    package81790 (1.0.0)
    package81791 (1.0.0)
    package81792 (1.0.0)
    package81793 (1.0.0)
    package81794 (1.0.0)
    package81795 (1.0.0)
    package81796 (1.0.0)
    package81797 (1.0.0)
    package81798 (1.0.0)
    package81799 (1.0.0)
    package81800 (1.0.0)
    package81801 (1.0.0)
    package81802 (1.0.0)
    package81803 (1.0.0)
    package81804 (1.0.0)
    package81805 (1.0.0)
    package81806 (1.0.0)
    package81807 (1.0.0)
    package81808 (1.0.0)
    package81809 (1.0.0)
    package81810 (1.0.0)
    package81811 (1.0.0)
    package81812 (1.0.0)
    package81813 (1.0.0)
    package81814 (1.0.0)
    package81815 (1.0.0)
    package81816 (1.0.0)
    package81817 (1.0.0)
    package81818 (1.0.0)
    package81819 (1.0.0)
    package81820 (1.0.0)
    package81821 (1.0.0)
    package81822 (1.0.0)
    package81823 (1.0.0)
    package81824 (1.0.0)
    package81825 (1.0.0)
    package81826 (1.0.0)
    package81827 (1.0.0)
    package81828 (1.0.0)
    package81829 (1.0.0)
    package81830 (1.0.0)
    package81831 (1.0.0)
    package81832 (1.0.0)
    package81833 (1.0.0)
    package81834 (1.0.0)
    package81835 (1.0.0)
    package81836 (1.0.0)
    package81837 (1.0.0)
    package81838 (1.0.0)
    package81839 (1.0.0)
    package81840 (1.0.0)
    package81841 (1.0.0)
    package81842 (1.0.0)
    package81843 (1.0.0)
    package81844 (1.0.0)
    package81845 (1.0.0)
    package81846 (1.0.0)
    package81847 (1.0.0)
    package81848 (1.0.0)
    package81849 (1.0.0)
    package81850 (1.0.0)
    package81851 (1.0.0)
    package81852 (1.0.0)
    package81853 (1.0.0)
    package81854 (1.0.0)
    package81855 (1.0.0)
    package81856 (1.0.0)
    package81857 (1.0.0)
    package81858 (1.0.0)
    package81859 (1.0.0)
    package81860 (1.0.0)
    package81861 (1.0.0)
    package81862 (1.0.0)
    package81863 (1.0.0)
    package81864 (1.0.0)
    package81865 (1.0.0)
    package81866 (1.0.0)
    package81867 (1.0.0)
    package81868 (1.0.0)
    package81869 (1.0.0)
    package81870 (1.0.0)
    package81871 (1.0.0)
    package81872 (1.0.0)
    package81873 (1.0.0)
    package81874 (1.0.0)
    package81875 (1.0.0)
    package81876 (1.0.0)
    package81877 (1.0.0)
    package81878 (1.0.0)
    package81879 (1.0.0)
    package81880 (1.0.0)
    package81881 (1.0.0)
    package81882 (1.0.0)
    package81883 (1.0.0)
    package81884 (1.0.0)
    package81885 (1.0.0)
    package81886 (1.0.0)
    package81887 (1.0.0)
    package81888 (1.0.0)
    package81889 (1.0.0)
    package81890 (1.0.0)
    package81891 (1.0.0)
    package81892 (1.0.0)
    package81893 (1.0.0)
    package81894 (1.0.0)
    package81895 (1.0.0)
    package81896 (1.0.0)
    package81897 (1.0.0)
    package81898 (1.0.0)
    package81899 (1.0.0)
    package81900 (1.0.0)
    package81901 (1.0.0)
    package81902 (1.0.0)
    package81903 (1.0.0)
    package81904 (1.0.0)
    package81905 (1.0.0)
    package81906 (1.0.0)
    package81907 (1.0.0)
    package81908 (1.0.0)
    package81909 (1.0.0)
    package81910 (1.0.0)
    package81911 (1.0.0)
    package81912 (1.0.0)
    package81913 (1.0.0)
    package81914 (1.0.0)
    package81915 (1.0.0)
    package81916 (1.0.0)
    package81917 (1.0.0)
    package81918 (1.0.0)
    package81919 (1.0.0)
    package81920 (1.0.0)
    package81921 (1.0.0)
    package81922 (1.0.0)
    package81923 (1.0.0)
    package81924 (1.0.0)
    package81925 (1.0.0)
    package81926 (1.0.0)
    package81927 (1.0.0)
    package81928 (1.0.0)
    package81929 (1.0.0)
    package81930 (1.0.0)
    package81931 (1.0.0)
    package81932 (1.0.0)
    package81933 (1.0.0)
    package81934 (1.0.0)
    package81935 (1.0.0)
    package81936 (1.0.0)
    package81937 (1.0.0)
    package81938 (1.0.0)
    package81939 (1.0.0)
    package81940 (1.0.0)
    package81941 (1.0.0)
    package81942 (1.0.0)
    package81943 (1.0.0)
    package81944 (1.0.0)
    package81945 (1.0.0)
    package81946 (1.0.0)
    package81947 (1.0.0)
    package81948 (1.0.0)
    package81949 (1.0.0)
    package81950 (1.0.0)
    package81951 (1.0.0)
    package81952 (1.0.0)
    package81953 (1.0.0)
    package81954 (1.0.0)
    package81955 (1.0.0)
    package81956 (1.0.0)
    package81957 (1.0.0)
    package81958 (1.0.0)
    package81959 (1.0.0)
    package81960 (1.0.0)
    package81961 (1.0.0)
    package81962 (1.0.0)
    package81963 (1.0.0)
    package81964 (1.0.0)
    package81965 (1.0.0)
    package81966 (1.0.0)
    package81967 (1.0.0)
    package81968 (1.0.0)
    package81969 (1.0.0)
    package81970 (1.0.0)
    package81971 (1.0.0)
    package81972 (1.0.0)
    package81973 (1.0.0)
    package81974 (1.0.0)
    package81975 (1.0.0)
    package81976 (1.0.0)
    package81977 (1.0.0)
    package81978 (1.0.0)
    package81979 (1.0.0)
    package81980 (1.0.0)
    package81981 (1.0.0)
    package81982 (1.0.0)
    package81983 (1.0.0)
    package81984 (1.0.0)
    package81985 (1.0.0)
    package81986 (1.0.0)
    package81987 (1.0.0)
    package81988 (1.0.0)
    package81989 (1.0.0)
    package81990 (1.0.0)
    package81991 (1.0.0)
    package81992 (1.0.0)
    package81993 (1.0.0)
    package81994 (1.0.0)
    package81995 (1.0.0)
    package81996 (1.0.0)
    package81997 (1.0.0)
    package81998 (1.0.0)
    package81999 (1.0.0)
    package82000 (1.0.0)
    package82001 (1.0.0)
    package82002 (1.0.0)
    package82003 (1.0.0)
    package82004 (1.0.0)
    package82005 (1.0.0)
    package82006 (1.0.0)
    package82007 (1.0.0)
    package82008 (1.0.0)
    package82009 (1.0.0)
    package82010 (1.0.0)
    package82011 (1.0.0)
    package82012 (1.0.0)
    package82013 (1.0.0)
    package82014 (1.0.0)
    package82015 (1.0.0)
    package82016 (1.0.0)
    package82017 (1.0.0)
    package82018 (1.0.0)
    package82019 (1.0.0)
    package82020 (1.0.0)
    package82021 (1.0.0)
    package82022 (1.0.0)
    package82023 (1.0.0)
    package82024 (1.0.0)
    package82025 (1.0.0)
    package82026 (1.0.0)
    package82027 (1.0.0)
    package82028 (1.0.0)
    package82029 (1.0.0)
    package82030 (1.0.0)
    package82031 (1.0.0)
    package82032 (1.0.0)
    package82033 (1.0.0)
    package82034 (1.0.0)
    package82035 (1.0.0)
    package82036 (1.0.0)
    package82037 (1.0.0)
    package82038 (1.0.0)
    package82039 (1.0.0)
    package82040 (1.0.0)
    package82041 (1.0.0)
    package82042 (1.0.0)
    package82043 (1.0.0)
    package82044 (1.0.0)
    package82045 (1.0.0)
    package82046 (1.0.0)
    package82047 (1.0.0)
    package82048 (1.0.0)
    package82049 (1.0.0)
    package82050 (1.0.0)
    package82051 (1.0.0)
    package82052 (1.0.0)
    package82053 (1.0.0)
    package82054 (1.0.0)
    package82055 (1.0.0)
    package82056 (1.0.0)
    package82057 (1.0.0)
    package82058 (1.0.0)
    package82059 (1.0.0)
    package82060 (1.0.0)
    package82061 (1.0.0)
    package82062 (1.0.0)
    package82063 (1.0.0)
    package82064 (1.0.0)
    package82065 (1.0.0)
    package82066 (1.0.0)
    package82067 (1.0.0)
    package82068 (1.0.0)
    package82069 (1.0.0)
    package82070 (1.0.0)
    package82071 (1.0.0)
    package82072 (1.0.0)
    package82073 (1.0.0)
    package82074 (1.0.0)
    package82075 (1.0.0)
    package82076 (1.0.0)
    package82077 (1.0.0)
    package82078 (1.0.0)
    package82079 (1.0.0)
    package82080 (1.0.0)
    package82081 (1.0.0)
    package82082 (1.0.0)
    package82083 (1.0.0)
    package82084 (1.0.0)
    package82085 (1.0.0)
    package82086 (1.0.0)
    package82087 (1.0.0)
    package82088 (1.0.0)
    package82089 (1.0.0)
    package82090 (1.0.0)
    package82091 (1.0.0)
    package82092 (1.0.0)
    package82093 (1.0.0)
    package82094 (1.0.0)
    package82095 (1.0.0)
    package82096 (1.0.0)
    package82097 (1.0.0)
    package82098 (1.0.0)
    package82099 (1.0.0)
    package82100 (1.0.0)
    package82101 (1.0.0)
    package82102 (1.0.0)
    package82103 (1.0.0)
    package82104 (1.0.0)
    package82105 (1.0.0)
    package82106 (1.0.0)
    package82107 (1.0.0)
    package82108 (1.0.0)
    package82109 (1.0.0)
    package82110 (1.0.0)
    package82111 (1.0.0)
    package82112 (1.0.0)
    package82113 (1.0.0)
    package82114 (1.0.0)
    package82115 (1.0.0)
    package82116 (1.0.0)
    package82117 (1.0.0)
    package82118 (1.0.0)
    package82119 (1.0.0)
    package82120 (1.0.0)
    package82121 (1.0.0)
    package82122 (1.0.0)
    package82123 (1.0.0)
    package82124 (1.0.0)
    package82125 (1.0.0)
    package82126 (1.0.0)
    package82127 (1.0.0)
    package82128 (1.0.0)
    package82129 (1.0.0)
    package82130 (1.0.0)
    package82131 (1.0.0)
    package82132 (1.0.0)
    package82133 (1.0.0)
    package82134 (1.0.0)
    package82135 (1.0.0)
    package82136 (1.0.0)
    package82137 (1.0.0)
    package82138 (1.0.0)
    package82139 (1.0.0)
    package82140 (1.0.0)
    package82141 (1.0.0)
    package82142 (1.0.0)
    package82143 (1.0.0)
    package82144 (1.0.0)
    package82145 (1.0.0)
    package82146 (1.0.0)
    package82147 (1.0.0)
    package82148 (1.0.0)
    package82149 (1.0.0)
    package82150 (1.0.0)
    package82151 (1.0.0)
    package82152 (1.0.0)
    package82153 (1.0.0)
    package82154 (1.0.0)
    package82155 (1.0.0)
    package82156 (1.0.0)
    package82157 (1.0.0)
    package82158 (1.0.0)
    package82159 (1.0.0)
    package82160 (1.0.0)
    package82161 (1.0.0)
    package82162 (1.0.0)
    package82163 (1.0.0)
    package82164 (1.0.0)
    package82165 (1.0.0)
    package82166 (1.0.0)
    package82167 (1.0.0)
    package82168 (1.0.0)
    package82169 (1.0.0)
    package82170 (1.0.0)
    package82171 (1.0.0)
    package82172 (1.0.0)
    package82173 (1.0.0)
    package82174 (1.0.0)
    package82175 (1.0.0)
    package82176 (1.0.0)
    package82177 (1.0.0)
    package82178 (1.0.0)
    package82179 (1.0.0)
    package82180 (1.0.0)
    package82181 (1.0.0)
    package82182 (1.0.0)
    package82183 (1.0.0)
    package82184 (1.0.0)
    package82185 (1.0.0)
    package82186 (1.0.0)
    package82187 (1.0.0)
    package82188 (1.0.0)
    package82189 (1.0.0)
    package82190 (1.0.0)
    package82191 (1.0.0)
    package82192 (1.0.0)
    package82193 (1.0.0)
    package82194 (1.0.0)
    package82195 (1.0.0)
    package82196 (1.0.0)
    package82197 (1.0.0)
    package82198 (1.0.0)
    package82199 (1.0.0)
    package82200 (1.0.0)
    package82201 (1.0.0)
    package82202 (1.0.0)
    package82203 (1.0.0)
    package82204 (1.0.0)
    package82205 (1.0.0)
    package82206 (1.0.0)
    package82207 (1.0.0)
    package82208 (1.0.0)
    package82209 (1.0.0)
    package82210 (1.0.0)
    package82211 (1.0.0)
    package82212 (1.0.0)
    package82213 (1.0.0)
    package82214 (1.0.0)
    package82215 (1.0.0)
    package82216 (1.0.0)
    package82217 (1.0.0)
    package82218 (1.0.0)
    package82219 (1.0.0)
    package82220 (1.0.0)
    package82221 (1.0.0)
    package82222 (1.0.0)
    package82223 (1.0.0)
    package82224 (1.0.0)
    package82225 (1.0.0)
    package82226 (1.0.0)
    package82227 (1.0.0)
    package82228 (1.0.0)
    package82229 (1.0.0)
    package82230 (1.0.0)
    package82231 (1.0.0)
    package82232 (1.0.0)
    package82233 (1.0.0)
    package82234 (1.0.0)
    package82235 (1.0.0)
    package82236 (1.0.0)
    package82237 (1.0.0)
    package82238 (1.0.0)
    package82239 (1.0.0)
    package82240 (1.0.0)
    package82241 (1.0.0)
    package82242 (1.0.0)
    package82243 (1.0.0)
    package82244 (1.0.0)
    package82245 (1.0.0)
    package82246 (1.0.0)
    package82247 (1.0.0)
    package82248 (1.0.0)
    package82249 (1.0.0)
    package82250 (1.0.0)
    package82251 (1.0.0)
    package82252 (1.0.0)
    package82253 (1.0.0)
    package82254 (1.0.0)
    package82255 (1.0.0)
    package82256 (1.0.0)
    package82257 (1.0.0)
    package82258 (1.0.0)
    package82259 (1.0.0)
    package82260 (1.0.0)
    package82261 (1.0.0)
    package82262 (1.0.0)
    package82263 (1.0.0)
    package82264 (1.0.0)
    package82265 (1.0.0)
    package82266 (1.0.0)
    package82267 (1.0.0)
    package82268 (1.0.0)
    package82269 (1.0.0)
    package82270 (1.0.0)
    package82271 (1.0.0)
    package82272 (1.0.0)
    package82273 (1.0.0)
    package82274 (1.0.0)
    package82275 (1.0.0)
    package82276 (1.0.0)
    package82277 (1.0.0)
    package82278 (1.0.0)
    package82279 (1.0.0)
    package82280 (1.0.0)
    package82281 (1.0.0)
    package82282 (1.0.0)
    package82283 (1.0.0)
    package82284 (1.0.0)
    package82285 (1.0.0)
    package82286 (1.0.0)
    package82287 (1.0.0)
    package82288 (1.0.0)
    package82289 (1.0.0)
    package82290 (1.0.0)
    package82291 (1.0.0)
    package82292 (1.0.0)
    package82293 (1.0.0)
    package82294 (1.0.0)
    package82295 (1.0.0)
    package82296 (1.0.0)
    package82297 (1.0.0)
    package82298 (1.0.0)
    package82299 (1.0.0)
    package82300 (1.0.0)
    package82301 (1.0.0)
    package82302 (1.0.0)
    package82303 (1.0.0)
    package82304 (1.0.0)
    package82305 (1.0.0)
    package82306 (1.0.0)
    package82307 (1.0.0)
    package82308 (1.0.0)
    package82309 (1.0.0)
    package82310 (1.0.0)
    package82311 (1.0.0)
    package82312 (1.0.0)
    package82313 (1.0.0)
    package82314 (1.0.0)
    package82315 (1.0.0)
    package82316 (1.0.0)
    package82317 (1.0.0)
    package82318 (1.0.0)
    package82319 (1.0.0)
    package82320 (1.0.0)
    package82321 (1.0.0)
    package82322 (1.0.0)
    package82323 (1.0.0)
    package82324 (1.0.0)
    package82325 (1.0.0)
    package82326 (1.0.0)
    package82327 (1.0.0)
    package82328 (1.0.0)
    package82329 (1.0.0)
    package82330 (1.0.0)
    package82331 (1.0.0)
    package82332 (1.0.0)
    package82333 (1.0.0)
    package82334 (1.0.0)
    package82335 (1.0.0)
    package82336 (1.0.0)
    package82337 (1.0.0)
    package82338 (1.0.0)
    package82339 (1.0.0)
    package82340 (1.0.0)
    package82341 (1.0.0)
    package82342 (1.0.0)
    package82343 (1.0.0)
    package82344 (1.0.0)
    package82345 (1.0.0)
    package82346 (1.0.0)
    package82347 (1.0.0)
    package82348 (1.0.0)
    package82349 (1.0.0)
    package82350 (1.0.0)
    package82351 (1.0.0)
    package82352 (1.0.0)
    package82353 (1.0.0)
    package82354 (1.0.0)
    package82355 (1.0.0)
    package82356 (1.0.0)
    package82357 (1.0.0)
    package82358 (1.0.0)
    package82359 (1.0.0)
    package82360 (1.0.0)
    package82361 (1.0.0)
    package82362 (1.0.0)
    package82363 (1.0.0)
    package82364 (1.0.0)
    package82365 (1.0.0)
    package82366 (1.0.0)
    package82367 (1.0.0)
    package82368 (1.0.0)
    package82369 (1.0.0)
    package82370 (1.0.0)
    package82371 (1.0.0)
    package82372 (1.0.0)
    package82373 (1.0.0)
    package82374 (1.0.0)
    package82375 (1.0.0)
    package82376 (1.0.0)
    package82377 (1.0.0)
    package82378 (1.0.0)
    package82379 (1.0.0)
    package82380 (1.0.0)
    package82381 (1.0.0)
    package82382 (1.0.0)
    package82383 (1.0.0)
    package82384 (1.0.0)
    package82385 (1.0.0)
    package82386 (1.0.0)
    package82387 (1.0.0)
    package82388 (1.0.0)
    package82389 (1.0.0)
    package82390 (1.0.0)
    package82391 (1.0.0)
    package82392 (1.0.0)
    package82393 (1.0.0)
    package82394 (1.0.0)
    package82395 (1.0.0)
    package82396 (1.0.0)
    package82397 (1.0.0)
    package82398 (1.0.0)
    package82399 (1.0.0)
    package82400 (1.0.0)
    package82401 (1.0.0)
    package82402 (1.0.0)
    package82403 (1.0.0)
    package82404 (1.0.0)
    package82405 (1.0.0)
    package82406 (1.0.0)
    package82407 (1.0.0)
    package82408 (1.0.0)
    package82409 (1.0.0)
    package82410 (1.0.0)
    package82411 (1.0.0)
    package82412 (1.0.0)
    package82413 (1.0.0)
    package82414 (1.0.0)
    package82415 (1.0.0)
    package82416 (1.0.0)
    package82417 (1.0.0)
    package82418 (1.0.0)
    package82419 (1.0.0)
    package82420 (1.0.0)
    package82421 (1.0.0)
    package82422 (1.0.0)
    package82423 (1.0.0)
    package82424 (1.0.0)
    package82425 (1.0.0)
    package82426 (1.0.0)
    package82427 (1.0.0)
    package82428 (1.0.0)
    package82429 (1.0.0)
    package82430 (1.0.0)
    package82431 (1.0.0)
    package82432 (1.0.0)
    package82433 (1.0.0)
    package82434 (1.0.0)
    package82435 (1.0.0)
    package82436 (1.0.0)
    package82437 (1.0.0)
    package82438 (1.0.0)
    package82439 (1.0.0)
    package82440 (1.0.0)
    package82441 (1.0.0)
    package82442 (1.0.0)
    package82443 (1.0.0)
    package82444 (1.0.0)
    package82445 (1.0.0)
    package82446 (1.0.0)
    package82447 (1.0.0)
    package82448 (1.0.0)
    package82449 (1.0.0)
    package82450 (1.0.0)
    package82451 (1.0.0)
    package82452 (1.0.0)
    package82453 (1.0.0)
    package82454 (1.0.0)
    package82455 (1.0.0)
    package82456 (1.0.0)
    package82457 (1.0.0)
    package82458 (1.0.0)
    package82459 (1.0.0)
    package82460 (1.0.0)
    package82461 (1.0.0)
    package82462 (1.0.0)
    package82463 (1.0.0)
    package82464 (1.0.0)
    package82465 (1.0.0)
    package82466 (1.0.0)
    package82467 (1.0.0)
    package82468 (1.0.0)
    package82469 (1.0.0)
    package82470 (1.0.0)
    package82471 (1.0.0)
    package82472 (1.0.0)
    package82473 (1.0.0)
    package82474 (1.0.0)
    package82475 (1.0.0)
    package82476 (1.0.0)
    package82477 (1.0.0)
    package82478 (1.0.0)
    package82479 (1.0.0)
    package82480 (1.0.0)
    package82481 (1.0.0)
    package82482 (1.0.0)
    package82483 (1.0.0)
    package82484 (1.0.0)
    package82485 (1.0.0)
    package82486 (1.0.0)
    package82487 (1.0.0)
    package82488 (1.0.0)
    package82489 (1.0.0)
    package82490 (1.0.0)
    package82491 (1.0.0)
    package82492 (1.0.0)
    package82493 (1.0.0)
    package82494 (1.0.0)
    package82495 (1.0.0)
    package82496 (1.0.0)
    package82497 (1.0.0)
    package82498 (1.0.0)
    package82499 (1.0.0)
    package82500 (1.0.0)
    package82501 (1.0.0)
    package82502 (1.0.0)
    package82503 (1.0.0)
    package82504 (1.0.0)
    package82505 (1.0.0)
    package82506 (1.0.0)
    package82507 (1.0.0)
    package82508 (1.0.0)
    package82509 (1.0.0)
    package82510 (1.0.0)
    package82511 (1.0.0)
    package82512 (1.0.0)
    package82513 (1.0.0)
    package82514 (1.0.0)
    package82515 (1.0.0)
    package82516 (1.0.0)
    package82517 (1.0.0)
    package82518 (1.0.0)
    package82519 (1.0.0)
    package82520 (1.0.0)
    package82521 (1.0.0)
    package82522 (1.0.0)
    package82523 (1.0.0)
    package82524 (1.0.0)
    package82525 (1.0.0)
    package82526 (1.0.0)
    package82527 (1.0.0)
    package82528 (1.0.0)
    package82529 (1.0.0)
    package82530 (1.0.0)
    package82531 (1.0.0)
    package82532 (1.0.0)
    package82533 (1.0.0)
    package82534 (1.0.0)
    package82535 (1.0.0)
    package82536 (1.0.0)
    package82537 (1.0.0)
    package82538 (1.0.0)
    package82539 (1.0.0)
    package82540 (1.0.0)
    package82541 (1.0.0)
    package82542 (1.0.0)
    package82543 (1.0.0)
    package82544 (1.0.0)
    package82545 (1.0.0)
    package82546 (1.0.0)
    package82547 (1.0.0)
    package82548 (1.0.0)
    package82549 (1.0.0)
    package82550 (1.0.0)
    package82551 (1.0.0)
    package82552 (1.0.0)
    package82553 (1.0.0)
    package82554 (1.0.0)
    package82555 (1.0.0)
    package82556 (1.0.0)
    package82557 (1.0.0)
    package82558 (1.0.0)
    package82559 (1.0.0)
    package82560 (1.0.0)
    package82561 (1.0.0)
    package82562 (1.0.0)
    package82563 (1.0.0)
    package82564 (1.0.0)
    package82565 (1.0.0)
    package82566 (1.0.0)
    package82567 (1.0.0)
    package82568 (1.0.0)
    package82569 (1.0.0)
    package82570 (1.0.0)
    package82571 (1.0.0)
    package82572 (1.0.0)
    package82573 (1.0.0)
    package82574 (1.0.0)
    package82575 (1.0.0)
    package82576 (1.0.0)
    package82577 (1.0.0)
    package82578 (1.0.0)
    package82579 (1.0.0)
    package82580 (1.0.0)
    package82581 (1.0.0)
    package82582 (1.0.0)
    package82583 (1.0.0)
    package82584 (1.0.0)
    package82585 (1.0.0)
    package82586 (1.0.0)
    package82587 (1.0.0)
    package82588 (1.0.0)
    package82589 (1.0.0)
    package82590 (1.0.0)
    package82591 (1.0.0)
    package82592 (1.0.0)
    package82593 (1.0.0)
    package82594 (1.0.0)
    package82595 (1.0.0)
    package82596 (1.0.0)
    package82597 (1.0.0)
    package82598 (1.0.0)
    package82599 (1.0.0)
    package82600 (1.0.0)
    package82601 (1.0.0)
    package82602 (1.0.0)
    package82603 (1.0.0)
    package82604 (1.0.0)
    package82605 (1.0.0)
    package82606 (1.0.0)
    package82607 (1.0.0)
    package82608 (1.0.0)
    package82609 (1.0.0)
    package82610 (1.0.0)
    package82611 (1.0.0)
    package82612 (1.0.0)
    package82613 (1.0.0)
    package82614 (1.0.0)
    package82615 (1.0.0)
    package82616 (1.0.0)
    package82617 (1.0.0)
    package82618 (1.0.0)
    package82619 (1.0.0)
    package82620 (1.0.0)
    package82621 (1.0.0)
    package82622 (1.0.0)
    package82623 (1.0.0)
    package82624 (1.0.0)
    package82625 (1.0.0)
    package82626 (1.0.0)
    package82627 (1.0.0)
    package82628 (1.0.0)
    package82629 (1.0.0)
    package82630 (1.0.0)
    package82631 (1.0.0)
    package82632 (1.0.0)
    package82633 (1.0.0)
    package82634 (1.0.0)
    package82635 (1.0.0)
    package82636 (1.0.0)
    package82637 (1.0.0)
    package82638 (1.0.0)
    package82639 (1.0.0)
    package82640 (1.0.0)
    package82641 (1.0.0)
    package82642 (1.0.0)
    package82643 (1.0.0)
    package82644 (1.0.0)
    package82645 (1.0.0)
    package82646 (1.0.0)
    package82647 (1.0.0)
    package82648 (1.0.0)
    package82649 (1.0.0)
    package82650 (1.0.0)
    package82651 (1.0.0)
    package82652 (1.0.0)
    package82653 (1.0.0)
    package82654 (1.0.0)
    package82655 (1.0.0)
    package82656 (1.0.0)
    package82657 (1.0.0)
    package82658 (1.0.0)
    package82659 (1.0.0)
    package82660 (1.0.0)
    package82661 (1.0.0)
    package82662 (1.0.0)
    package82663 (1.0.0)
    package82664 (1.0.0)
    package82665 (1.0.0)
    package82666 (1.0.0)
    package82667 (1.0.0)
    package82668 (1.0.0)
    package82669 (1.0.0)
    package82670 (1.0.0)
    package82671 (1.0.0)
    package82672 (1.0.0)
    package82673 (1.0.0)
    package82674 (1.0.0)
    package82675 (1.0.0)
    package82676 (1.0.0)
    package82677 (1.0.0)
    package82678 (1.0.0)
    package82679 (1.0.0)
    package82680 (1.0.0)
    package82681 (1.0.0)
    package82682 (1.0.0)
    package82683 (1.0.0)
    package82684 (1.0.0)
    package82685 (1.0.0)
    package82686 (1.0.0)
    package82687 (1.0.0)
    package82688 (1.0.0)
    package82689 (1.0.0)
    package82690 (1.0.0)
    package82691 (1.0.0)
    package82692 (1.0.0)
    package82693 (1.0.0)
    package82694 (1.0.0)
    package82695 (1.0.0)
    package82696 (1.0.0)
    package82697 (1.0.0)
    package82698 (1.0.0)
    package82699 (1.0.0)
    package82700 (1.0.0)
    package82701 (1.0.0)
    package82702 (1.0.0)
    package82703 (1.0.0)
    package82704 (1.0.0)
    package82705 (1.0.0)
    package82706 (1.0.0)
    package82707 (1.0.0)
    package82708 (1.0.0)
    package82709 (1.0.0)
    package82710 (1.0.0)
    package82711 (1.0.0)
    package82712 (1.0.0)
    package82713 (1.0.0)
    package82714 (1.0.0)
    package82715 (1.0.0)
    package82716 (1.0.0)
    package82717 (1.0.0)
    package82718 (1.0.0)
    package82719 (1.0.0)
    package82720 (1.0.0)
    package82721 (1.0.0)
    package82722 (1.0.0)
    package82723 (1.0.0)
    package82724 (1.0.0)
    package82725 (1.0.0)
    package82726 (1.0.0)
    package82727 (1.0.0)
    package82728 (1.0.0)
    package82729 (1.0.0)
    package82730 (1.0.0)
    package82731 (1.0.0)
    package82732 (1.0.0)
    package82733 (1.0.0)
    package82734 (1.0.0)
    package82735 (1.0.0)
    package82736 (1.0.0)
    package82737 (1.0.0)
    package82738 (1.0.0)
    package82739 (1.0.0)
    package82740 (1.0.0)
    package82741 (1.0.0)
    package82742 (1.0.0)
    package82743 (1.0.0)
    package82744 (1.0.0)
    package82745 (1.0.0)
    package82746 (1.0.0)
    package82747 (1.0.0)
    package82748 (1.0.0)
    package82749 (1.0.0)
    package82750 (1.0.0)
    package82751 (1.0.0)
    package82752 (1.0.0)
    package82753 (1.0.0)
    package82754 (1.0.0)
    package82755 (1.0.0)
    package82756 (1.0.0)
    package82757 (1.0.0)
    package82758 (1.0.0)
    package82759 (1.0.0)
    package82760 (1.0.0)
    package82761 (1.0.0)
    package82762 (1.0.0)
    package82763 (1.0.0)
    package82764 (1.0.0)
    package82765 (1.0.0)
    package82766 (1.0.0)
    package82767 (1.0.0)
    package82768 (1.0.0)
    package82769 (1.0.0)
    package82770 (1.0.0)
    package82771 (1.0.0)
    package82772 (1.0.0)
    package82773 (1.0.0)
    package82774 (1.0.0)
    package82775 (1.0.0)
    package82776 (1.0.0)
    package82777 (1.0.0)
    package82778 (1.0.0)
    package82779 (1.0.0)
    package82780 (1.0.0)
    package82781 (1.0.0)
    package82782 (1.0.0)
    package82783 (1.0.0)
    package82784 (1.0.0)
    package82785 (1.0.0)
    package82786 (1.0.0)
    package82787 (1.0.0)
    package82788 (1.0.0)
    package82789 (1.0.0)
    package82790 (1.0.0)
    package82791 (1.0.0)
    package82792 (1.0.0)
    package82793 (1.0.0)
    package82794 (1.0.0)
    package82795 (1.0.0)
    package82796 (1.0.0)
    package82797 (1.0.0)
    package82798 (1.0.0)
    package82799 (1.0.0)
    package82800 (1.0.0)
    package82801 (1.0.0)
    package82802 (1.0.0)
    package82803 (1.0.0)
    package82804 (1.0.0)
    package82805 (1.0.0)
    package82806 (1.0.0)
    package82807 (1.0.0)
    package82808 (1.0.0)
    package82809 (1.0.0)
    package82810 (1.0.0)
    package82811 (1.0.0)
    package82812 (1.0.0)
    package82813 (1.0.0)
    package82814 (1.0.0)
    package82815 (1.0.0)
    package82816 (1.0.0)
    package82817 (1.0.0)
    package82818 (1.0.0)
    package82819 (1.0.0)
    package82820 (1.0.0)
    package82821 (1.0.0)
    package82822 (1.0.0)
    package82823 (1.0.0)
    package82824 (1.0.0)
    package82825 (1.0.0)
    package82826 (1.0.0)
    package82827 (1.0.0)
    package82828 (1.0.0)
    package82829 (1.0.0)
    package82830 (1.0.0)
    package82831 (1.0.0)
    package82832 (1.0.0)
    package82833 (1.0.0)
    package82834 (1.0.0)
    package82835 (1.0.0)
    package82836 (1.0.0)
    package82837 (1.0.0)
    package82838 (1.0.0)
    package82839 (1.0.0)
    package82840 (1.0.0)
    package82841 (1.0.0)
    package82842 (1.0.0)
    package82843 (1.0.0)
    package82844 (1.0.0)
    package82845 (1.0.0)
    package82846 (1.0.0)
    package82847 (1.0.0)
    package82848 (1.0.0)
    package82849 (1.0.0)
    package82850 (1.0.0)
    package82851 (1.0.0)
    package82852 (1.0.0)
    package82853 (1.0.0)
    package82854 (1.0.0)
    package82855 (1.0.0)
    package82856 (1.0.0)
    package82857 (1.0.0)
    package82858 (1.0.0)
    package82859 (1.0.0)
    package82860 (1.0.0)
    package82861 (1.0.0)
    package82862 (1.0.0)
    package82863 (1.0.0)
    package82864 (1.0.0)
    package82865 (1.0.0)
    package82866 (1.0.0)
    package82867 (1.0.0)
    package82868 (1.0.0)
    package82869 (1.0.0)
    package82870 (1.0.0)
    package82871 (1.0.0)
    package82872 (1.0.0)
    package82873 (1.0.0)
    package82874 (1.0.0)
    package82875 (1.0.0)
    package82876 (1.0.0)
    package82877 (1.0.0)
    package82878 (1.0.0)
    package82879 (1.0.0)
    package82880 (1.0.0)
    package82881 (1.0.0)
    package82882 (1.0.0)
    package82883 (1.0.0)
    package82884 (1.0.0)
    package82885 (1.0.0)
    package82886 (1.0.0)
    package82887 (1.0.0)
    package82888 (1.0.0)
    package82889 (1.0.0)
    package82890 (1.0.0)
    package82891 (1.0.0)
    package82892 (1.0.0)
    package82893 (1.0.0)
    package82894 (1.0.0)
    package82895 (1.0.0)
    package82896 (1.0.0)
    package82897 (1.0.0)
    package82898 (1.0.0)
    package82899 (1.0.0)
    package82900 (1.0.0)
    package82901 (1.0.0)
    package82902 (1.0.0)
    package82903 (1.0.0)
    package82904 (1.0.0)
    package82905 (1.0.0)
    package82906 (1.0.0)
    package82907 (1.0.0)
    package82908 (1.0.0)
    package82909 (1.0.0)
    package82910 (1.0.0)
    package82911 (1.0.0)
    package82912 (1.0.0)
    package82913 (1.0.0)
    package82914 (1.0.0)
    package82915 (1.0.0)
    package82916 (1.0.0)
    package82917 (1.0.0)
    package82918 (1.0.0)
    package82919 (1.0.0)
    package82920 (1.0.0)
    package82921 (1.0.0)
    package82922 (1.0.0)
    package82923 (1.0.0)
    package82924 (1.0.0)
    package82925 (1.0.0)
    package82926 (1.0.0)
    package82927 (1.0.0)
    package82928 (1.0.0)
    package82929 (1.0.0)
    package82930 (1.0.0)
    package82931 (1.0.0)
    package82932 (1.0.0)
    package82933 (1.0.0)
    package82934 (1.0.0)
    package82935 (1.0.0)
    package82936 (1.0.0)
    package82937 (1.0.0)
    package82938 (1.0.0)
    package82939 (1.0.0)
    package82940 (1.0.0)
    package82941 (1.0.0)
    package82942 (1.0.0)
    package82943 (1.0.0)
    package82944 (1.0.0)
    package82945 (1.0.0)
    package82946 (1.0.0)
    package82947 (1.0.0)
    package82948 (1.0.0)
    package82949 (1.0.0)
    package82950 (1.0.0)
    package82951 (1.0.0)
    package82952 (1.0.0)
    package82953 (1.0.0)
    package82954 (1.0.0)
    package82955 (1.0.0)
    package82956 (1.0.0)
    package82957 (1.0.0)
    package82958 (1.0.0)
    package82959 (1.0.0)
    package82960 (1.0.0)
    package82961 (1.0.0)
    package82962 (1.0.0)
    package82963 (1.0.0)
    package82964 (1.0.0)
    package82965 (1.0.0)
    package82966 (1.0.0)
    package82967 (1.0.0)
    package82968 (1.0.0)
    package82969 (1.0.0)
    package82970 (1.0.0)
    package82971 (1.0.0)
    package82972 (1.0.0)
    package82973 (1.0.0)
    package82974 (1.0.0)
    package82975 (1.0.0)
    package82976 (1.0.0)
    package82977 (1.0.0)
    package82978 (1.0.0)
    package82979 (1.0.0)
    package82980 (1.0.0)
    package82981 (1.0.0)
    package82982 (1.0.0)
    package82983 (1.0.0)
    package82984 (1.0.0)
    package82985 (1.0.0)
    package82986 (1.0.0)
    package82987 (1.0.0)
    package82988 (1.0.0)
    package82989 (1.0.0)
    package82990 (1.0.0)
    package82991 (1.0.0)
    package82992 (1.0.0)
    package82993 (1.0.0)
    package82994 (1.0.0)
    package82995 (1.0.0)
    package82996 (1.0.0)
    package82997 (1.0.0)
    package82998 (1.0.0)
    package82999 (1.0.0)
    package83000 (1.0.0)
    package83001 (1.0.0)
    package83002 (1.0.0)
    package83003 (1.0.0)
    package83004 (1.0.0)
    package83005 (1.0.0)
    package83006 (1.0.0)
    package83007 (1.0.0)
    package83008 (1.0.0)
    package83009 (1.0.0)
    package83010 (1.0.0)
    package83011 (1.0.0)
    package83012 (1.0.0)
    package83013 (1.0.0)
    package83014 (1.0.0)
    package83015 (1.0.0)
    package83016 (1.0.0)
    package83017 (1.0.0)
    package83018 (1.0.0)
    package83019 (1.0.0)
    package83020 (1.0.0)
    package83021 (1.0.0)
    package83022 (1.0.0)
    package83023 (1.0.0)
    package83024 (1.0.0)
    package83025 (1.0.0)
    package83026 (1.0.0)
    package83027 (1.0.0)
    package83028 (1.0.0)
    package83029 (1.0.0)
    package83030 (1.0.0)
    package83031 (1.0.0)
    package83032 (1.0.0)
    package83033 (1.0.0)
    package83034 (1.0.0)
    package83035 (1.0.0)
    package83036 (1.0.0)
    package83037 (1.0.0)
    package83038 (1.0.0)
    package83039 (1.0.0)
    package83040 (1.0.0)
    package83041 (1.0.0)
    package83042 (1.0.0)
    package83043 (1.0.0)
    package83044 (1.0.0)
    package83045 (1.0.0)
    package83046 (1.0.0)
    package83047 (1.0.0)
    package83048 (1.0.0)
    package83049 (1.0.0)
    package83050 (1.0.0)
    package83051 (1.0.0)
    package83052 (1.0.0)
    package83053 (1.0.0)
    package83054 (1.0.0)
    package83055 (1.0.0)
    package83056 (1.0.0)
    package83057 (1.0.0)
    package83058 (1.0.0)
    package83059 (1.0.0)
    package83060 (1.0.0)
    package83061 (1.0.0)
    package83062 (1.0.0)
    package83063 (1.0.0)
    package83064 (1.0.0)
    package83065 (1.0.0)
    package83066 (1.0.0)
    package83067 (1.0.0)
    package83068 (1.0.0)
    package83069 (1.0.0)
    package83070 (1.0.0)
    package83071 (1.0.0)
    package83072 (1.0.0)
    package83073 (1.0.0)
    package83074 (1.0.0)
    package83075 (1.0.0)
    package83076 (1.0.0)
    package83077 (1.0.0)
    package83078 (1.0.0)
    package83079 (1.0.0)
    package83080 (1.0.0)
    package83081 (1.0.0)
    package83082 (1.0.0)
    package83083 (1.0.0)
    package83084 (1.0.0)
    package83085 (1.0.0)
    package83086 (1.0.0)
    package83087 (1.0.0)
    package83088 (1.0.0)
    package83089 (1.0.0)
    package83090 (1.0.0)
    package83091 (1.0.0)
    package83092 (1.0.0)
    package83093 (1.0.0)
    package83094 (1.0.0)
    package83095 (1.0.0)
    package83096 (1.0.0)
    package83097 (1.0.0)
    package83098 (1.0.0)
    package83099 (1.0.0)
    package83100 (1.0.0)
    package83101 (1.0.0)
    package83102 (1.0.0)
    package83103 (1.0.0)
    package83104 (1.0.0)
    package83105 (1.0.0)
    package83106 (1.0.0)
    package83107 (1.0.0)
    package83108 (1.0.0)
    package83109 (1.0.0)
    package83110 (1.0.0)
    package83111 (1.0.0)
    package83112 (1.0.0)
    package83113 (1.0.0)
    package83114 (1.0.0)
    package83115 (1.0.0)
    package83116 (1.0.0)
    package83117 (1.0.0)
    package83118 (1.0.0)
    package83119 (1.0.0)
    package83120 (1.0.0)
    package83121 (1.0.0)
    package83122 (1.0.0)
    package83123 (1.0.0)
    package83124 (1.0.0)
    package83125 (1.0.0)
    package83126 (1.0.0)
    package83127 (1.0.0)
    package83128 (1.0.0)
    package83129 (1.0.0)
    package83130 (1.0.0)
    package83131 (1.0.0)
    package83132 (1.0.0)
    package83133 (1.0.0)
    package83134 (1.0.0)
    package83135 (1.0.0)
    package83136 (1.0.0)
    package83137 (1.0.0)
    package83138 (1.0.0)
    package83139 (1.0.0)
    package83140 (1.0.0)
    package83141 (1.0.0)
    package83142 (1.0.0)
    package83143 (1.0.0)
    package83144 (1.0.0)
    package83145 (1.0.0)
    package83146 (1.0.0)
    package83147 (1.0.0)
    package83148 (1.0.0)
    package83149 (1.0.0)
    package83150 (1.0.0)
    package83151 (1.0.0)
    package83152 (1.0.0)
    package83153 (1.0.0)
    package83154 (1.0.0)
    package83155 (1.0.0)
    package83156 (1.0.0)
    package83157 (1.0.0)
    package83158 (1.0.0)
    package83159 (1.0.0)
    package83160 (1.0.0)
    package83161 (1.0.0)
    package83162 (1.0.0)
    package83163 (1.0.0)
    package83164 (1.0.0)
    package83165 (1.0.0)
    package83166 (1.0.0)
    package83167 (1.0.0)
    package83168 (1.0.0)
    package83169 (1.0.0)
    package83170 (1.0.0)
    package83171 (1.0.0)
    package83172 (1.0.0)
    package83173 (1.0.0)
    package83174 (1.0.0)
    package83175 (1.0.0)
    package83176 (1.0.0)
    package83177 (1.0.0)
    package83178 (1.0.0)
    package83179 (1.0.0)
    package83180 (1.0.0)
    package83181 (1.0.0)
    package83182 (1.0.0)
    package83183 (1.0.0)
    package83184 (1.0.0)
    package83185 (1.0.0)
    package83186 (1.0.0)
    package83187 (1.0.0)
    package83188 (1.0.0)
    package83189 (1.0.0)
    package83190 (1.0.0)
    package83191 (1.0.0)
    package83192 (1.0.0)
    package83193 (1.0.0)
    package83194 (1.0.0)
    package83195 (1.0.0)
    package83196 (1.0.0)
    package83197 (1.0.0)
    package83198 (1.0.0)
    package83199 (1.0.0)
    package83200 (1.0.0)
    package83201 (1.0.0)
    package83202 (1.0.0)
    package83203 (1.0.0)
    package83204 (1.0.0)
    package83205 (1.0.0)
    package83206 (1.0.0)
    package83207 (1.0.0)
    package83208 (1.0.0)
    package83209 (1.0.0)
    package83210 (1.0.0)
    package83211 (1.0.0)
    package83212 (1.0.0)
    package83213 (1.0.0)
    package83214 (1.0.0)
    package83215 (1.0.0)
    package83216 (1.0.0)
    package83217 (1.0.0)
    package83218 (1.0.0)
    package83219 (1.0.0)
    package83220 (1.0.0)
    package83221 (1.0.0)
    package83222 (1.0.0)
    package83223 (1.0.0)
    package83224 (1.0.0)
    package83225 (1.0.0)
    package83226 (1.0.0)
    package83227 (1.0.0)
    package83228 (1.0.0)
    package83229 (1.0.0)
    package83230 (1.0.0)
    package83231 (1.0.0)
    package83232 (1.0.0)
    package83233 (1.0.0)
    package83234 (1.0.0)
    package83235 (1.0.0)
    package83236 (1.0.0)
    package83237 (1.0.0)
    package83238 (1.0.0)
    package83239 (1.0.0)
    package83240 (1.0.0)
    package83241 (1.0.0)
    package83242 (1.0.0)
    package83243 (1.0.0)
    package83244 (1.0.0)
    package83245 (1.0.0)
    package83246 (1.0.0)
    package83247 (1.0.0)
    package83248 (1.0.0)
    package83249 (1.0.0)
    package83250 (1.0.0)
    package83251 (1.0.0)
    package83252 (1.0.0)
    package83253 (1.0.0)
    package83254 (1.0.0)
    package83255 (1.0.0)
    package83256 (1.0.0)
    package83257 (1.0.0)
    package83258 (1.0.0)
    package83259 (1.0.0)
    package83260 (1.0.0)
    package83261 (1.0.0)
    package83262 (1.0.0)
    package83263 (1.0.0)
    package83264 (1.0.0)
    package83265 (1.0.0)
    package83266 (1.0.0)
    package83267 (1.0.0)
    package83268 (1.0.0)
    package83269 (1.0.0)
    package83270 (1.0.0)
    package83271 (1.0.0)
    package83272 (1.0.0)
    package83273 (1.0.0)
    package83274 (1.0.0)
    package83275 (1.0.0)
    package83276 (1.0.0)
    package83277 (1.0.0)
    package83278 (1.0.0)
    package83279 (1.0.0)
    package83280 (1.0.0)
    package83281 (1.0.0)
    package83282 (1.0.0)
    package83283 (1.0.0)
    package83284 (1.0.0)
    package83285 (1.0.0)
    package83286 (1.0.0)
    package83287 (1.0.0)
    package83288 (1.0.0)
    package83289 (1.0.0)
    package83290 (1.0.0)
    package83291 (1.0.0)
    package83292 (1.0.0)
    package83293 (1.0.0)
    package83294 (1.0.0)
    package83295 (1.0.0)
    package83296 (1.0.0)
    package83297 (1.0.0)
    package83298 (1.0.0)
    package83299 (1.0.0)
    package83300 (1.0.0)
    package83301 (1.0.0)
    package83302 (1.0.0)
    package83303 (1.0.0)
    package83304 (1.0.0)
    package83305 (1.0.0)
    package83306 (1.0.0)
    package83307 (1.0.0)
    package83308 (1.0.0)
    package83309 (1.0.0)
    package83310 (1.0.0)
    package83311 (1.0.0)
    package83312 (1.0.0)
    package83313 (1.0.0)
    package83314 (1.0.0)
    package83315 (1.0.0)
    package83316 (1.0.0)
    package83317 (1.0.0)
    package83318 (1.0.0)
    package83319 (1.0.0)
    package83320 (1.0.0)
    package83321 (1.0.0)
    package83322 (1.0.0)
    package83323 (1.0.0)
    package83324 (1.0.0)
    package83325 (1.0.0)
    package83326 (1.0.0)
    package83327 (1.0.0)
    package83328 (1.0.0)
    package83329 (1.0.0)
    package83330 (1.0.0)
    package83331 (1.0.0)
    package83332 (1.0.0)
    package83333 (1.0.0)
    package83334 (1.0.0)
    package83335 (1.0.0)
    package83336 (1.0.0)
    package83337 (1.0.0)
    package83338 (1.0.0)
    package83339 (1.0.0)
    package83340 (1.0.0)
    package83341 (1.0.0)
    package83342 (1.0.0)
    package83343 (1.0.0)
    package83344 (1.0.0)
    package83345 (1.0.0)
    package83346 (1.0.0)
    package83347 (1.0.0)
    package83348 (1.0.0)
    package83349 (1.0.0)
    package83350 (1.0.0)
    package83351 (1.0.0)
    package83352 (1.0.0)
    package83353 (1.0.0)
    package83354 (1.0.0)
    package83355 (1.0.0)
    package83356 (1.0.0)
    package83357 (1.0.0)
    package83358 (1.0.0)
    package83359 (1.0.0)
    package83360 (1.0.0)
    package83361 (1.0.0)
    package83362 (1.0.0)
    package83363 (1.0.0)
    package83364 (1.0.0)
    package83365 (1.0.0)
    package83366 (1.0.0)
    package83367 (1.0.0)
    package83368 (1.0.0)
    package83369 (1.0.0)
    package83370 (1.0.0)
    package83371 (1.0.0)
    package83372 (1.0.0)
    package83373 (1.0.0)
    package83374 (1.0.0)
    package83375 (1.0.0)
    package83376 (1.0.0)
    package83377 (1.0.0)
    package83378 (1.0.0)
    package83379 (1.0.0)
    package83380 (1.0.0)
    package83381 (1.0.0)
    package83382 (1.0.0)
    package83383 (1.0.0)
    package83384 (1.0.0)
    package83385 (1.0.0)
    package83386 (1.0.0)
    package83387 (1.0.0)
    package83388 (1.0.0)
    package83389 (1.0.0)
    package83390 (1.0.0)
    package83391 (1.0.0)
    package83392 (1.0.0)
    package83393 (1.0.0)
    package83394 (1.0.0)
    package83395 (1.0.0)
    package83396 (1.0.0)
    package83397 (1.0.0)
    package83398 (1.0.0)
    package83399 (1.0.0)
    package83400 (1.0.0)
    package83401 (1.0.0)
    package83402 (1.0.0)
    package83403 (1.0.0)
    package83404 (1.0.0)
    package83405 (1.0.0)
    package83406 (1.0.0)
    package83407 (1.0.0)
    package83408 (1.0.0)
    package83409 (1.0.0)
    package83410 (1.0.0)
    package83411 (1.0.0)
    package83412 (1.0.0)
    package83413 (1.0.0)
    package83414 (1.0.0)
    package83415 (1.0.0)
    package83416 (1.0.0)
    package83417 (1.0.0)
    package83418 (1.0.0)
    package83419 (1.0.0)
    package83420 (1.0.0)
    package83421 (1.0.0)
    package83422 (1.0.0)
    package83423 (1.0.0)
    package83424 (1.0.0)
    package83425 (1.0.0)
    package83426 (1.0.0)
    package83427 (1.0.0)
    package83428 (1.0.0)
    package83429 (1.0.0)
    package83430 (1.0.0)
    package83431 (1.0.0)
    package83432 (1.0.0)
    package83433 (1.0.0)
    package83434 (1.0.0)
    package83435 (1.0.0)
    package83436 (1.0.0)
    package83437 (1.0.0)
    package83438 (1.0.0)
    package83439 (1.0.0)
    package83440 (1.0.0)
    package83441 (1.0.0)
    package83442 (1.0.0)
    package83443 (1.0.0)
    package83444 (1.0.0)
    package83445 (1.0.0)
    package83446 (1.0.0)
    package83447 (1.0.0)
    package83448 (1.0.0)
    package83449 (1.0.0)
    package83450 (1.0.0)
    package83451 (1.0.0)
    package83452 (1.0.0)
    package83453 (1.0.0)
    package83454 (1.0.0)
    package83455 (1.0.0)
    package83456 (1.0.0)
    package83457 (1.0.0)
    package83458 (1.0.0)
    package83459 (1.0.0)
    package83460 (1.0.0)
    package83461 (1.0.0)
    package83462 (1.0.0)
    package83463 (1.0.0)
    package83464 (1.0.0)
    package83465 (1.0.0)
    package83466 (1.0.0)
    package83467 (1.0.0)
    package83468 (1.0.0)
    package83469 (1.0.0)
    package83470 (1.0.0)
    package83471 (1.0.0)
    package83472 (1.0.0)
    package83473 (1.0.0)
    package83474 (1.0.0)
    package83475 (1.0.0)
    package83476 (1.0.0)
    package83477 (1.0.0)
    package83478 (1.0.0)
    package83479 (1.0.0)
    package83480 (1.0.0)
    package83481 (1.0.0)
    package83482 (1.0.0)
    package83483 (1.0.0)
    package83484 (1.0.0)
    package83485 (1.0.0)
    package83486 (1.0.0)
    package83487 (1.0.0)
    package83488 (1.0.0)
    package83489 (1.0.0)
    package83490 (1.0.0)
    package83491 (1.0.0)
    package83492 (1.0.0)
    package83493 (1.0.0)
    package83494 (1.0.0)
    package83495 (1.0.0)
    package83496 (1.0.0)
    package83497 (1.0.0)
    package83498 (1.0.0)
    package83499 (1.0.0)
    package83500 (1.0.0)
    package83501 (1.0.0)
    package83502 (1.0.0)
    package83503 (1.0.0)
    package83504 (1.0.0)
    package83505 (1.0.0)
    package83506 (1.0.0)
    package83507 (1.0.0)
    package83508 (1.0.0)
    package83509 (1.0.0)
    package83510 (1.0.0)
    package83511 (1.0.0)
    package83512 (1.0.0)
    package83513 (1.0.0)
    package83514 (1.0.0)
    package83515 (1.0.0)
    package83516 (1.0.0)
    package83517 (1.0.0)
    package83518 (1.0.0)
    package83519 (1.0.0)
    package83520 (1.0.0)
    package83521 (1.0.0)
    package83522 (1.0.0)
    package83523 (1.0.0)
    package83524 (1.0.0)
    package83525 (1.0.0)
    package83526 (1.0.0)
    package83527 (1.0.0)
    package83528 (1.0.0)
    package83529 (1.0.0)
    package83530 (1.0.0)
    package83531 (1.0.0)
    package83532 (1.0.0)
    package83533 (1.0.0)
    package83534 (1.0.0)
    package83535 (1.0.0)
    package83536 (1.0.0)
    package83537 (1.0.0)
    package83538 (1.0.0)
    package83539 (1.0.0)
    package83540 (1.0.0)
    package83541 (1.0.0)
    package83542 (1.0.0)
    package83543 (1.0.0)
    package83544 (1.0.0)
    package83545 (1.0.0)
    package83546 (1.0.0)
    package83547 (1.0.0)
    package83548 (1.0.0)
    package83549 (1.0.0)
    package83550 (1.0.0)
    package83551 (1.0.0)
    package83552 (1.0.0)
    package83553 (1.0.0)
    package83554 (1.0.0)
    package83555 (1.0.0)
    package83556 (1.0.0)
    package83557 (1.0.0)
    package83558 (1.0.0)
    package83559 (1.0.0)
    package83560 (1.0.0)
    package83561 (1.0.0)
    package83562 (1.0.0)
    package83563 (1.0.0)
    package83564 (1.0.0)
    package83565 (1.0.0)
    package83566 (1.0.0)
    package83567 (1.0.0)
    package83568 (1.0.0)
    package83569 (1.0.0)
    package83570 (1.0.0)
    package83571 (1.0.0)
    package83572 (1.0.0)
    package83573 (1.0.0)
    package83574 (1.0.0)
    package83575 (1.0.0)
    package83576 (1.0.0)
    package83577 (1.0.0)
    package83578 (1.0.0)
    package83579 (1.0.0)
    package83580 (1.0.0)
    package83581 (1.0.0)
    package83582 (1.0.0)
    package83583 (1.0.0)
    package83584 (1.0.0)
    package83585 (1.0.0)
    package83586 (1.0.0)
    package83587 (1.0.0)
    package83588 (1.0.0)
    package83589 (1.0.0)
    package83590 (1.0.0)
    package83591 (1.0.0)
    package83592 (1.0.0)
    package83593 (1.0.0)
    package83594 (1.0.0)
    package83595 (1.0.0)
    package83596 (1.0.0)
    package83597 (1.0.0)
    package83598 (1.0.0)
    package83599 (1.0.0)
    package83600 (1.0.0)
    package83601 (1.0.0)
    package83602 (1.0.0)
    package83603 (1.0.0)
    package83604 (1.0.0)
    package83605 (1.0.0)
    package83606 (1.0.0)
    package83607 (1.0.0)
    package83608 (1.0.0)
    package83609 (1.0.0)
    package83610 (1.0.0)
    package83611 (1.0.0)
    package83612 (1.0.0)
    package83613 (1.0.0)
    package83614 (1.0.0)
    package83615 (1.0.0)
    package83616 (1.0.0)
    package83617 (1.0.0)
    package83618 (1.0.0)
    package83619 (1.0.0)
    package83620 (1.0.0)
    package83621 (1.0.0)
    package83622 (1.0.0)
    package83623 (1.0.0)
    package83624 (1.0.0)
    package83625 (1.0.0)
    package83626 (1.0.0)
    package83627 (1.0.0)
    package83628 (1.0.0)
    package83629 (1.0.0)
    package83630 (1.0.0)
    package83631 (1.0.0)
    package83632 (1.0.0)
    package83633 (1.0.0)
    package83634 (1.0.0)
    package83635 (1.0.0)
    package83636 (1.0.0)
    package83637 (1.0.0)
    package83638 (1.0.0)
    package83639 (1.0.0)
    package83640 (1.0.0)
    package83641 (1.0.0)
    package83642 (1.0.0)
    package83643 (1.0.0)
    package83644 (1.0.0)
    package83645 (1.0.0)
    package83646 (1.0.0)
    package83647 (1.0.0)
    package83648 (1.0.0)
    package83649 (1.0.0)
    package83650 (1.0.0)
    package83651 (1.0.0)
    package83652 (1.0.0)
    package83653 (1.0.0)
    package83654 (1.0.0)
    package83655 (1.0.0)
    package83656 (1.0.0)
    package83657 (1.0.0)
    package83658 (1.0.0)
    package83659 (1.0.0)
    package83660 (1.0.0)
    package83661 (1.0.0)
    package83662 (1.0.0)
    package83663 (1.0.0)
    package83664 (1.0.0)
    package83665 (1.0.0)
    package83666 (1.0.0)
    package83667 (1.0.0)
    package83668 (1.0.0)
    package83669 (1.0.0)
    package83670 (1.0.0)
    package83671 (1.0.0)
    package83672 (1.0.0)
    package83673 (1.0.0)
    package83674 (1.0.0)
    package83675 (1.0.0)
    package83676 (1.0.0)
    package83677 (1.0.0)
    package83678 (1.0.0)
    package83679 (1.0.0)
    package83680 (1.0.0)
    package83681 (1.0.0)
    package83682 (1.0.0)
    package83683 (1.0.0)
    package83684 (1.0.0)
    package83685 (1.0.0)
    package83686 (1.0.0)
    package83687 (1.0.0)
    package83688 (1.0.0)
    package83689 (1.0.0)
    package83690 (1.0.0)
    package83691 (1.0.0)
    package83692 (1.0.0)
    package83693 (1.0.0)
    package83694 (1.0.0)
    package83695 (1.0.0)
    package83696 (1.0.0)
    package83697 (1.0.0)
    package83698 (1.0.0)
    package83699 (1.0.0)
    package83700 (1.0.0)
    package83701 (1.0.0)
    package83702 (1.0.0)
    package83703 (1.0.0)
    package83704 (1.0.0)
    package83705 (1.0.0)
    package83706 (1.0.0)
    package83707 (1.0.0)
    package83708 (1.0.0)
    package83709 (1.0.0)
    package83710 (1.0.0)
    package83711 (1.0.0)
    package83712 (1.0.0)
    package83713 (1.0.0)
    package83714 (1.0.0)
    package83715 (1.0.0)
    package83716 (1.0.0)
    package83717 (1.0.0)
    package83718 (1.0.0)
    package83719 (1.0.0)
    package83720 (1.0.0)
    package83721 (1.0.0)
    package83722 (1.0.0)
    package83723 (1.0.0)
    package83724 (1.0.0)
    package83725 (1.0.0)
    package83726 (1.0.0)
    package83727 (1.0.0)
    package83728 (1.0.0)
    package83729 (1.0.0)
    package83730 (1.0.0)
    package83731 (1.0.0)
    package83732 (1.0.0)
    package83733 (1.0.0)
    package83734 (1.0.0)
    package83735 (1.0.0)
    package83736 (1.0.0)
    package83737 (1.0.0)
    package83738 (1.0.0)
    package83739 (1.0.0)
    package83740 (1.0.0)
    package83741 (1.0.0)
    package83742 (1.0.0)
    package83743 (1.0.0)
    package83744 (1.0.0)
    package83745 (1.0.0)
    package83746 (1.0.0)
    package83747 (1.0.0)
    package83748 (1.0.0)
    package83749 (1.0.0)
    package83750 (1.0.0)
    package83751 (1.0.0)
    package83752 (1.0.0)
    package83753 (1.0.0)
    package83754 (1.0.0)
    package83755 (1.0.0)
    package83756 (1.0.0)
    package83757 (1.0.0)
    package83758 (1.0.0)
    package83759 (1.0.0)
    package83760 (1.0.0)
    package83761 (1.0.0)
    package83762 (1.0.0)
    package83763 (1.0.0)
    package83764 (1.0.0)
    package83765 (1.0.0)
    package83766 (1.0.0)
    package83767 (1.0.0)
    package83768 (1.0.0)
    package83769 (1.0.0)
    package83770 (1.0.0)
    package83771 (1.0.0)
    package83772 (1.0.0)
    package83773 (1.0.0)
    package83774 (1.0.0)
    package83775 (1.0.0)
    package83776 (1.0.0)
    package83777 (1.0.0)
    package83778 (1.0.0)
    package83779 (1.0.0)
    package83780 (1.0.0)
    package83781 (1.0.0)
    package83782 (1.0.0)
    package83783 (1.0.0)
    package83784 (1.0.0)
    package83785 (1.0.0)
    package83786 (1.0.0)
    package83787 (1.0.0)
    package83788 (1.0.0)
    package83789 (1.0.0)
    package83790 (1.0.0)
    package83791 (1.0.0)
    package83792 (1.0.0)
    package83793 (1.0.0)
    package83794 (1.0.0)
    package83795 (1.0.0)
    package83796 (1.0.0)
    package83797 (1.0.0)
    package83798 (1.0.0)
    package83799 (1.0.0)
    package83800 (1.0.0)
    package83801 (1.0.0)
    package83802 (1.0.0)
    package83803 (1.0.0)
    package83804 (1.0.0)
    package83805 (1.0.0)
    package83806 (1.0.0)
    package83807 (1.0.0)
    package83808 (1.0.0)
    package83809 (1.0.0)
    package83810 (1.0.0)
    package83811 (1.0.0)
    package83812 (1.0.0)
    package83813 (1.0.0)
    package83814 (1.0.0)
    package83815 (1.0.0)
    package83816 (1.0.0)
    package83817 (1.0.0)
    package83818 (1.0.0)
    package83819 (1.0.0)
    package83820 (1.0.0)
    package83821 (1.0.0)
    package83822 (1.0.0)
    package83823 (1.0.0)
    package83824 (1.0.0)
    package83825 (1.0.0)
    package83826 (1.0.0)
    package83827 (1.0.0)
    package83828 (1.0.0)
    package83829 (1.0.0)
    package83830 (1.0.0)
    package83831 (1.0.0)
    package83832 (1.0.0)
    package83833 (1.0.0)
    package83834 (1.0.0)
    package83835 (1.0.0)
    package83836 (1.0.0)
    package83837 (1.0.0)
    package83838 (1.0.0)
    package83839 (1.0.0)
    package83840 (1.0.0)
    package83841 (1.0.0)
    package83842 (1.0.0)
    package83843 (1.0.0)
    package83844 (1.0.0)
    package83845 (1.0.0)
    package83846 (1.0.0)
    package83847 (1.0.0)
    package83848 (1.0.0)
    package83849 (1.0.0)
    package83850 (1.0.0)
    package83851 (1.0.0)
    package83852 (1.0.0)
    package83853 (1.0.0)
    package83854 (1.0.0)
    package83855 (1.0.0)
    package83856 (1.0.0)
    package83857 (1.0.0)
    package83858 (1.0.0)
    package83859 (1.0.0)
    package83860 (1.0.0)
    package83861 (1.0.0)
    package83862 (1.0.0)
    package83863 (1.0.0)
    package83864 (1.0.0)
    package83865 (1.0.0)
    package83866 (1.0.0)
    package83867 (1.0.0)
    package83868 (1.0.0)
    package83869 (1.0.0)
    package83870 (1.0.0)
    package83871 (1.0.0)
    package83872 (1.0.0)
    package83873 (1.0.0)
    package83874 (1.0.0)
    package83875 (1.0.0)
    package83876 (1.0.0)
    package83877 (1.0.0)
    package83878 (1.0.0)
    package83879 (1.0.0)
    package83880 (1.0.0)
    package83881 (1.0.0)
    package83882 (1.0.0)
    package83883 (1.0.0)
    package83884 (1.0.0)
    package83885 (1.0.0)
    package83886 (1.0.0)
    package83887 (1.0.0)
    package83888 (1.0.0)
    package83889 (1.0.0)
    package83890 (1.0.0)
    package83891 (1.0.0)
    package83892 (1.0.0)
    package83893 (1.0.0)
    package83894 (1.0.0)
    package83895 (1.0.0)
    package83896 (1.0.0)
    package83897 (1.0.0)
    package83898 (1.0.0)
    package83899 (1.0.0)
    package83900 (1.0.0)
    package83901 (1.0.0)
    package83902 (1.0.0)
    package83903 (1.0.0)
    package83904 (1.0.0)
    package83905 (1.0.0)
    package83906 (1.0.0)
    package83907 (1.0.0)
    package83908 (1.0.0)
    package83909 (1.0.0)
    package83910 (1.0.0)
    package83911 (1.0.0)
    package83912 (1.0.0)
    package83913 (1.0.0)
    package83914 (1.0.0)
    package83915 (1.0.0)
    package83916 (1.0.0)
    package83917 (1.0.0)
    package83918 (1.0.0)
    package83919 (1.0.0)
    package83920 (1.0.0)
    package83921 (1.0.0)
    package83922 (1.0.0)
    package83923 (1.0.0)
    package83924 (1.0.0)
    package83925 (1.0.0)
    package83926 (1.0.0)
    package83927 (1.0.0)
    package83928 (1.0.0)
    package83929 (1.0.0)
    package83930 (1.0.0)
    package83931 (1.0.0)
    package83932 (1.0.0)
    package83933 (1.0.0)
    package83934 (1.0.0)
    package83935 (1.0.0)
    package83936 (1.0.0)
    package83937 (1.0.0)
    package83938 (1.0.0)
    package83939 (1.0.0)
    package83940 (1.0.0)
    package83941 (1.0.0)
    package83942 (1.0.0)
    package83943 (1.0.0)
    package83944 (1.0.0)
    package83945 (1.0.0)
    package83946 (1.0.0)
    package83947 (1.0.0)
    package83948 (1.0.0)
    package83949 (1.0.0)
    package83950 (1.0.0)
    package83951 (1.0.0)
    package83952 (1.0.0)
    package83953 (1.0.0)
    package83954 (1.0.0)
    package83955 (1.0.0)
    package83956 (1.0.0)
    package83957 (1.0.0)
    package83958 (1.0.0)
    package83959 (1.0.0)
    package83960 (1.0.0)
    package83961 (1.0.0)
    package83962 (1.0.0)
    package83963 (1.0.0)
    package83964 (1.0.0)
    package83965 (1.0.0)
    package83966 (1.0.0)
    package83967 (1.0.0)
    package83968 (1.0.0)
    package83969 (1.0.0)
    package83970 (1.0.0)
    package83971 (1.0.0)
    package83972 (1.0.0)
    package83973 (1.0.0)
    package83974 (1.0.0)
    package83975 (1.0.0)
    package83976 (1.0.0)
    package83977 (1.0.0)
    package83978 (1.0.0)
    package83979 (1.0.0)
    package83980 (1.0.0)
    package83981 (1.0.0)
    package83982 (1.0.0)
    package83983 (1.0.0)
    package83984 (1.0.0)
    package83985 (1.0.0)
    package83986 (1.0.0)
    package83987 (1.0.0)
    package83988 (1.0.0)
    package83989 (1.0.0)
    package83990 (1.0.0)
    package83991 (1.0.0)
    package83992 (1.0.0)
    package83993 (1.0.0)
    package83994 (1.0.0)
    package83995 (1.0.0)
    package83996 (1.0.0)
    package83997 (1.0.0)
    package83998 (1.0.0)
    package83999 (1.0.0)
    package84000 (1.0.0)
    package84001 (1.0.0)
    package84002 (1.0.0)
    package84003 (1.0.0)
    package84004 (1.0.0)
    package84005 (1.0.0)
    package84006 (1.0.0)
    package84007 (1.0.0)
    package84008 (1.0.0)
    package84009 (1.0.0)
    package84010 (1.0.0)
    package84011 (1.0.0)
    package84012 (1.0.0)
    package84013 (1.0.0)
    package84014 (1.0.0)
    package84015 (1.0.0)
    package84016 (1.0.0)
    package84017 (1.0.0)
    package84018 (1.0.0)
    package84019 (1.0.0)
    package84020 (1.0.0)
    package84021 (1.0.0)
    package84022 (1.0.0)
    package84023 (1.0.0)
    package84024 (1.0.0)
    package84025 (1.0.0)
    package84026 (1.0.0)
    package84027 (1.0.0)
    package84028 (1.0.0)
    package84029 (1.0.0)
    package84030 (1.0.0)
    package84031 (1.0.0)
    package84032 (1.0.0)
    package84033 (1.0.0)
    package84034 (1.0.0)
    package84035 (1.0.0)
    package84036 (1.0.0)
    package84037 (1.0.0)
    package84038 (1.0.0)
    package84039 (1.0.0)
    package84040 (1.0.0)
    package84041 (1.0.0)
    package84042 (1.0.0)
    package84043 (1.0.0)
    package84044 (1.0.0)
    package84045 (1.0.0)
    package84046 (1.0.0)
    package84047 (1.0.0)
    package84048 (1.0.0)
    package84049 (1.0.0)
    package84050 (1.0.0)
    package84051 (1.0.0)
    package84052 (1.0.0)
    package84053 (1.0.0)
    package84054 (1.0.0)
    package84055 (1.0.0)
    package84056 (1.0.0)
    package84057 (1.0.0)
    package84058 (1.0.0)
    package84059 (1.0.0)
    package84060 (1.0.0)
    package84061 (1.0.0)
    package84062 (1.0.0)
    package84063 (1.0.0)
    package84064 (1.0.0)
    package84065 (1.0.0)
    package84066 (1.0.0)
    package84067 (1.0.0)
    package84068 (1.0.0)
    package84069 (1.0.0)
    package84070 (1.0.0)
    package84071 (1.0.0)
    package84072 (1.0.0)
    package84073 (1.0.0)
    package84074 (1.0.0)
    package84075 (1.0.0)
    package84076 (1.0.0)
    package84077 (1.0.0)
    package84078 (1.0.0)
    package84079 (1.0.0)
    package84080 (1.0.0)
    package84081 (1.0.0)
    package84082 (1.0.0)
    package84083 (1.0.0)
    package84084 (1.0.0)
    package84085 (1.0.0)
    package84086 (1.0.0)
    package84087 (1.0.0)
    package84088 (1.0.0)
    package84089 (1.0.0)
    package84090 (1.0.0)
    package84091 (1.0.0)
    package84092 (1.0.0)
    package84093 (1.0.0)
    package84094 (1.0.0)
    package84095 (1.0.0)
    package84096 (1.0.0)
    package84097 (1.0.0)
    package84098 (1.0.0)
    package84099 (1.0.0)
    package84100 (1.0.0)
    package84101 (1.0.0)
    package84102 (1.0.0)
    package84103 (1.0.0)
    package84104 (1.0.0)
    package84105 (1.0.0)
    package84106 (1.0.0)
    package84107 (1.0.0)
    package84108 (1.0.0)
    package84109 (1.0.0)
    package84110 (1.0.0)
    package84111 (1.0.0)
    package84112 (1.0.0)
    package84113 (1.0.0)
    package84114 (1.0.0)
    package84115 (1.0.0)
    package84116 (1.0.0)
    package84117 (1.0.0)
    package84118 (1.0.0)
    package84119 (1.0.0)
    package84120 (1.0.0)
    package84121 (1.0.0)
    package84122 (1.0.0)
    package84123 (1.0.0)
    package84124 (1.0.0)
    package84125 (1.0.0)
    package84126 (1.0.0)
    package84127 (1.0.0)
    package84128 (1.0.0)
    package84129 (1.0.0)
    package84130 (1.0.0)
    package84131 (1.0.0)
    package84132 (1.0.0)
    package84133 (1.0.0)
    package84134 (1.0.0)
    package84135 (1.0.0)
    package84136 (1.0.0)
    package84137 (1.0.0)
    package84138 (1.0.0)
    package84139 (1.0.0)
    package84140 (1.0.0)
    package84141 (1.0.0)
    package84142 (1.0.0)
    package84143 (1.0.0)
    package84144 (1.0.0)
    package84145 (1.0.0)
    package84146 (1.0.0)
    package84147 (1.0.0)
    package84148 (1.0.0)
    package84149 (1.0.0)
    package84150 (1.0.0)
    package84151 (1.0.0)
    package84152 (1.0.0)
    package84153 (1.0.0)
    package84154 (1.0.0)
    package84155 (1.0.0)
    package84156 (1.0.0)
    package84157 (1.0.0)
    package84158 (1.0.0)
    package84159 (1.0.0)
    package84160 (1.0.0)
    package84161 (1.0.0)
    package84162 (1.0.0)
    package84163 (1.0.0)
    package84164 (1.0.0)
    package84165 (1.0.0)
    package84166 (1.0.0)
    package84167 (1.0.0)
    package84168 (1.0.0)
    package84169 (1.0.0)
    package84170 (1.0.0)
    package84171 (1.0.0)
    package84172 (1.0.0)
    package84173 (1.0.0)
    package84174 (1.0.0)
    package84175 (1.0.0)
    package84176 (1.0.0)
    package84177 (1.0.0)
    package84178 (1.0.0)
    package84179 (1.0.0)
    package84180 (1.0.0)
    package84181 (1.0.0)
    package84182 (1.0.0)
    package84183 (1.0.0)
    package84184 (1.0.0)
    package84185 (1.0.0)
    package84186 (1.0.0)
    package84187 (1.0.0)
    package84188 (1.0.0)
    package84189 (1.0.0)
    package84190 (1.0.0)
    package84191 (1.0.0)
    package84192 (1.0.0)
    package84193 (1.0.0)
    package84194 (1.0.0)
    package84195 (1.0.0)
    package84196 (1.0.0)
    package84197 (1.0.0)
    package84198 (1.0.0)
    package84199 (1.0.0)
    package84200 (1.0.0)
    package84201 (1.0.0)
    package84202 (1.0.0)
    package84203 (1.0.0)
    package84204 (1.0.0)
    package84205 (1.0.0)
    package84206 (1.0.0)
    package84207 (1.0.0)
    package84208 (1.0.0)
    package84209 (1.0.0)
    package84210 (1.0.0)
    package84211 (1.0.0)
    package84212 (1.0.0)
    package84213 (1.0.0)
    package84214 (1.0.0)
    package84215 (1.0.0)
    package84216 (1.0.0)
    package84217 (1.0.0)
    package84218 (1.0.0)
    package84219 (1.0.0)
    package84220 (1.0.0)
    package84221 (1.0.0)
    package84222 (1.0.0)
    package84223 (1.0.0)
    package84224 (1.0.0)
    package84225 (1.0.0)
    package84226 (1.0.0)
    package84227 (1.0.0)
    package84228 (1.0.0)
    package84229 (1.0.0)
    package84230 (1.0.0)
    package84231 (1.0.0)
    package84232 (1.0.0)
    package84233 (1.0.0)
    package84234 (1.0.0)
    package84235 (1.0.0)
    package84236 (1.0.0)
    package84237 (1.0.0)
    package84238 (1.0.0)
    package84239 (1.0.0)
    package84240 (1.0.0)
    package84241 (1.0.0)
    package84242 (1.0.0)
    package84243 (1.0.0)
    package84244 (1.0.0)
    package84245 (1.0.0)
    package84246 (1.0.0)
    package84247 (1.0.0)
    package84248 (1.0.0)
    package84249 (1.0.0)
    package84250 (1.0.0)
    package84251 (1.0.0)
    package84252 (1.0.0)
    package84253 (1.0.0)
    package84254 (1.0.0)
    package84255 (1.0.0)
    package84256 (1.0.0)
    package84257 (1.0.0)
    package84258 (1.0.0)
    package84259 (1.0.0)
    package84260 (1.0.0)
    package84261 (1.0.0)
    package84262 (1.0.0)
    package84263 (1.0.0)
    package84264 (1.0.0)
    package84265 (1.0.0)
    package84266 (1.0.0)
    package84267 (1.0.0)
    package84268 (1.0.0)
    package84269 (1.0.0)
    package84270 (1.0.0)
    package84271 (1.0.0)
    package84272 (1.0.0)
    package84273 (1.0.0)
    package84274 (1.0.0)
    package84275 (1.0.0)
    package84276 (1.0.0)
    package84277 (1.0.0)
    package84278 (1.0.0)
    package84279 (1.0.0)
    package84280 (1.0.0)
    package84281 (1.0.0)
    package84282 (1.0.0)
    package84283 (1.0.0)
    package84284 (1.0.0)
    package84285 (1.0.0)
    package84286 (1.0.0)
    package84287 (1.0.0)
    package84288 (1.0.0)
    package84289 (1.0.0)
    package84290 (1.0.0)
    package84291 (1.0.0)
    package84292 (1.0.0)
    package84293 (1.0.0)
    package84294 (1.0.0)
    package84295 (1.0.0)
    package84296 (1.0.0)
    package84297 (1.0.0)
    package84298 (1.0.0)
    package84299 (1.0.0)
    package84300 (1.0.0)
    package84301 (1.0.0)
    package84302 (1.0.0)
    package84303 (1.0.0)
    package84304 (1.0.0)
    package84305 (1.0.0)
    package84306 (1.0.0)
    package84307 (1.0.0)
    package84308 (1.0.0)
    package84309 (1.0.0)
    package84310 (1.0.0)
    package84311 (1.0.0)
    package84312 (1.0.0)
    package84313 (1.0.0)
    package84314 (1.0.0)
    package84315 (1.0.0)
    package84316 (1.0.0)
    package84317 (1.0.0)
    package84318 (1.0.0)
    package84319 (1.0.0)
    package84320 (1.0.0)
    package84321 (1.0.0)
    package84322 (1.0.0)
    package84323 (1.0.0)
    package84324 (1.0.0)
    package84325 (1.0.0)
    package84326 (1.0.0)
    package84327 (1.0.0)
    package84328 (1.0.0)
    package84329 (1.0.0)
    package84330 (1.0.0)
    package84331 (1.0.0)
    package84332 (1.0.0)
    package84333 (1.0.0)
    package84334 (1.0.0)
    package84335 (1.0.0)
    package84336 (1.0.0)
    package84337 (1.0.0)
    package84338 (1.0.0)
    package84339 (1.0.0)
    package84340 (1.0.0)
    package84341 (1.0.0)
    package84342 (1.0.0)
    package84343 (1.0.0)
    package84344 (1.0.0)
    package84345 (1.0.0)
    package84346 (1.0.0)
    package84347 (1.0.0)
    package84348 (1.0.0)
    package84349 (1.0.0)
    package84350 (1.0.0)
    package84351 (1.0.0)
    package84352 (1.0.0)
    package84353 (1.0.0)
    package84354 (1.0.0)
    package84355 (1.0.0)
    package84356 (1.0.0)
    package84357 (1.0.0)
    package84358 (1.0.0)
    package84359 (1.0.0)
    package84360 (1.0.0)
    package84361 (1.0.0)
    package84362 (1.0.0)
    package84363 (1.0.0)
    package84364 (1.0.0)
    package84365 (1.0.0)
    package84366 (1.0.0)
    package84367 (1.0.0)
    package84368 (1.0.0)
    package84369 (1.0.0)
    package84370 (1.0.0)
    package84371 (1.0.0)
    package84372 (1.0.0)
    package84373 (1.0.0)
    package84374 (1.0.0)
    package84375 (1.0.0)
    package84376 (1.0.0)
    package84377 (1.0.0)
    package84378 (1.0.0)
    package84379 (1.0.0)
    package84380 (1.0.0)
    package84381 (1.0.0)
    package84382 (1.0.0)
    package84383 (1.0.0)
    package84384 (1.0.0)
    package84385 (1.0.0)
    package84386 (1.0.0)
    package84387 (1.0.0)
    package84388 (1.0.0)
    package84389 (1.0.0)
    package84390 (1.0.0)
    package84391 (1.0.0)
    package84392 (1.0.0)
    package84393 (1.0.0)
    package84394 (1.0.0)
    package84395 (1.0.0)
    package84396 (1.0.0)
    package84397 (1.0.0)
    package84398 (1.0.0)
    package84399 (1.0.0)
    package84400 (1.0.0)
    package84401 (1.0.0)
    package84402 (1.0.0)
    package84403 (1.0.0)
    package84404 (1.0.0)
    package84405 (1.0.0)
    package84406 (1.0.0)
    package84407 (1.0.0)
    package84408 (1.0.0)
    package84409 (1.0.0)
    package84410 (1.0.0)
    package84411 (1.0.0)
    package84412 (1.0.0)
    package84413 (1.0.0)
    package84414 (1.0.0)
    package84415 (1.0.0)
    package84416 (1.0.0)
    package84417 (1.0.0)
    package84418 (1.0.0)
    package84419 (1.0.0)
    package84420 (1.0.0)
    package84421 (1.0.0)
    package84422 (1.0.0)
    package84423 (1.0.0)
    package84424 (1.0.0)
    package84425 (1.0.0)
    package84426 (1.0.0)
    package84427 (1.0.0)
    package84428 (1.0.0)
    package84429 (1.0.0)
    package84430 (1.0.0)
    package84431 (1.0.0)
    package84432 (1.0.0)
    package84433 (1.0.0)
    package84434 (1.0.0)
    package84435 (1.0.0)
    package84436 (1.0.0)
    package84437 (1.0.0)
    package84438 (1.0.0)
    package84439 (1.0.0)
    package84440 (1.0.0)
    package84441 (1.0.0)
    package84442 (1.0.0)
    package84443 (1.0.0)
    package84444 (1.0.0)
    package84445 (1.0.0)
    package84446 (1.0.0)
    package84447 (1.0.0)
    package84448 (1.0.0)
    package84449 (1.0.0)
    package84450 (1.0.0)
    package84451 (1.0.0)
    package84452 (1.0.0)
    package84453 (1.0.0)
    package84454 (1.0.0)
    package84455 (1.0.0)
    package84456 (1.0.0)
    package84457 (1.0.0)
    package84458 (1.0.0)
    package84459 (1.0.0)
    package84460 (1.0.0)
    package84461 (1.0.0)
    package84462 (1.0.0)
    package84463 (1.0.0)
    package84464 (1.0.0)
    package84465 (1.0.0)
    package84466 (1.0.0)
    package84467 (1.0.0)
    package84468 (1.0.0)
    package84469 (1.0.0)
    package84470 (1.0.0)
    package84471 (1.0.0)
    package84472 (1.0.0)
    package84473 (1.0.0)
    package84474 (1.0.0)
    package84475 (1.0.0)
    package84476 (1.0.0)
    package84477 (1.0.0)
    package84478 (1.0.0)
    package84479 (1.0.0)
    package84480 (1.0.0)
    package84481 (1.0.0)
    package84482 (1.0.0)
    package84483 (1.0.0)
    package84484 (1.0.0)
    package84485 (1.0.0)
    package84486 (1.0.0)
    package84487 (1.0.0)
    package84488 (1.0.0)
    package84489 (1.0.0)
    package84490 (1.0.0)
    package84491 (1.0.0)
    package84492 (1.0.0)
    package84493 (1.0.0)
    package84494 (1.0.0)
    package84495 (1.0.0)
    package84496 (1.0.0)
    package84497 (1.0.0)
    package84498 (1.0.0)
    package84499 (1.0.0)
    package84500 (1.0.0)
    package84501 (1.0.0)
    package84502 (1.0.0)
    package84503 (1.0.0)
    package84504 (1.0.0)
    package84505 (1.0.0)
    package84506 (1.0.0)
    package84507 (1.0.0)
    package84508 (1.0.0)
    package84509 (1.0.0)
    package84510 (1.0.0)
    package84511 (1.0.0)
    package84512 (1.0.0)
    package84513 (1.0.0)
    package84514 (1.0.0)
    package84515 (1.0.0)
    package84516 (1.0.0)
    package84517 (1.0.0)
    package84518 (1.0.0)
    package84519 (1.0.0)
    package84520 (1.0.0)
    package84521 (1.0.0)
    package84522 (1.0.0)
    package84523 (1.0.0)
    package84524 (1.0.0)
    package84525 (1.0.0)
    package84526 (1.0.0)
    package84527 (1.0.0)
    package84528 (1.0.0)
    package84529 (1.0.0)
    package84530 (1.0.0)
    package84531 (1.0.0)
    package84532 (1.0.0)
    package84533 (1.0.0)
    package84534 (1.0.0)
    package84535 (1.0.0)
    package84536 (1.0.0)
    package84537 (1.0.0)
    package84538 (1.0.0)
    package84539 (1.0.0)
    package84540 (1.0.0)
    package84541 (1.0.0)
    package84542 (1.0.0)
    package84543 (1.0.0)
    package84544 (1.0.0)
    package84545 (1.0.0)
    package84546 (1.0.0)
    package84547 (1.0.0)
    package84548 (1.0.0)
    package84549 (1.0.0)
    package84550 (1.0.0)
    package84551 (1.0.0)
    package84552 (1.0.0)
    package84553 (1.0.0)
    package84554 (1.0.0)
    package84555 (1.0.0)
    package84556 (1.0.0)
    package84557 (1.0.0)
    package84558 (1.0.0)
    package84559 (1.0.0)
    package84560 (1.0.0)
    package84561 (1.0.0)
    package84562 (1.0.0)
    package84563 (1.0.0)
    package84564 (1.0.0)
    package84565 (1.0.0)
    package84566 (1.0.0)
    package84567 (1.0.0)
    package84568 (1.0.0)
    package84569 (1.0.0)
    package84570 (1.0.0)
    package84571 (1.0.0)
    package84572 (1.0.0)
    package84573 (1.0.0)
    package84574 (1.0.0)
    package84575 (1.0.0)
    package84576 (1.0.0)
    package84577 (1.0.0)
    package84578 (1.0.0)
    package84579 (1.0.0)
    package84580 (1.0.0)
    package84581 (1.0.0)
    package84582 (1.0.0)
    package84583 (1.0.0)
    package84584 (1.0.0)
    package84585 (1.0.0)
    package84586 (1.0.0)
    package84587 (1.0.0)
    package84588 (1.0.0)
    package84589 (1.0.0)
    package84590 (1.0.0)
    package84591 (1.0.0)
    package84592 (1.0.0)
    package84593 (1.0.0)
    package84594 (1.0.0)
    package84595 (1.0.0)
    package84596 (1.0.0)
    package84597 (1.0.0)
    package84598 (1.0.0)
    package84599 (1.0.0)
    package84600 (1.0.0)
    package84601 (1.0.0)
    package84602 (1.0.0)
    package84603 (1.0.0)
    package84604 (1.0.0)
    package84605 (1.0.0)
    package84606 (1.0.0)
    package84607 (1.0.0)
    package84608 (1.0.0)
    package84609 (1.0.0)
    package84610 (1.0.0)
    package84611 (1.0.0)
    package84612 (1.0.0)
    package84613 (1.0.0)
    package84614 (1.0.0)
    package84615 (1.0.0)
    package84616 (1.0.0)
    package84617 (1.0.0)
    package84618 (1.0.0)
    package84619 (1.0.0)
    package84620 (1.0.0)
    package84621 (1.0.0)
    package84622 (1.0.0)
    package84623 (1.0.0)
    package84624 (1.0.0)
    package84625 (1.0.0)
    package84626 (1.0.0)
    package84627 (1.0.0)
    package84628 (1.0.0)
    package84629 (1.0.0)
    package84630 (1.0.0)
    package84631 (1.0.0)
    package84632 (1.0.0)
    package84633 (1.0.0)
    package84634 (1.0.0)
    package84635 (1.0.0)
    package84636 (1.0.0)
    package84637 (1.0.0)
    package84638 (1.0.0)
    package84639 (1.0.0)
    package84640 (1.0.0)
    package84641 (1.0.0)
    package84642 (1.0.0)
    package84643 (1.0.0)
    package84644 (1.0.0)
    package84645 (1.0.0)
    package84646 (1.0.0)
    package84647 (1.0.0)
    package84648 (1.0.0)
    package84649 (1.0.0)
    package84650 (1.0.0)
    package84651 (1.0.0)
    package84652 (1.0.0)
    package84653 (1.0.0)
    package84654 (1.0.0)
    package84655 (1.0.0)
    package84656 (1.0.0)
    package84657 (1.0.0)
    package84658 (1.0.0)
    package84659 (1.0.0)
    package84660 (1.0.0)
    package84661 (1.0.0)
    package84662 (1.0.0)
    package84663 (1.0.0)
    package84664 (1.0.0)
    package84665 (1.0.0)
    package84666 (1.0.0)
    package84667 (1.0.0)
    package84668 (1.0.0)
    package84669 (1.0.0)
    package84670 (1.0.0)
    package84671 (1.0.0)
    package84672 (1.0.0)
    package84673 (1.0.0)
    package84674 (1.0.0)
    package84675 (1.0.0)
    package84676 (1.0.0)
    package84677 (1.0.0)
    package84678 (1.0.0)
    package84679 (1.0.0)
    package84680 (1.0.0)
    package84681 (1.0.0)
    package84682 (1.0.0)
    package84683 (1.0.0)
    package84684 (1.0.0)
    package84685 (1.0.0)
    package84686 (1.0.0)
    package84687 (1.0.0)
    package84688 (1.0.0)
    package84689 (1.0.0)
    package84690 (1.0.0)
    package84691 (1.0.0)
    package84692 (1.0.0)
    package84693 (1.0.0)
    package84694 (1.0.0)
    package84695 (1.0.0)
    package84696 (1.0.0)
    package84697 (1.0.0)
    package84698 (1.0.0)
    package84699 (1.0.0)
    package84700 (1.0.0)
    package84701 (1.0.0)
    package84702 (1.0.0)
    package84703 (1.0.0)
    package84704 (1.0.0)
    package84705 (1.0.0)
    package84706 (1.0.0)
    package84707 (1.0.0)
    package84708 (1.0.0)
    package84709 (1.0.0)
    package84710 (1.0.0)
    package84711 (1.0.0)
    package84712 (1.0.0)
    package84713 (1.0.0)
    package84714 (1.0.0)
    package84715 (1.0.0)
    package84716 (1.0.0)
    package84717 (1.0.0)
    package84718 (1.0.0)
    package84719 (1.0.0)
    package84720 (1.0.0)
    package84721 (1.0.0)
    package84722 (1.0.0)
    package84723 (1.0.0)
    package84724 (1.0.0)
    package84725 (1.0.0)
    package84726 (1.0.0)
    package84727 (1.0.0)
    package84728 (1.0.0)
    package84729 (1.0.0)
    package84730 (1.0.0)
    package84731 (1.0.0)
    package84732 (1.0.0)
    package84733 (1.0.0)
    package84734 (1.0.0)
    package84735 (1.0.0)
    package84736 (1.0.0)
    package84737 (1.0.0)
    package84738 (1.0.0)
    package84739 (1.0.0)
    package84740 (1.0.0)
    package84741 (1.0.0)
    package84742 (1.0.0)
    package84743 (1.0.0)
    package84744 (1.0.0)
    package84745 (1.0.0)
    package84746 (1.0.0)
    package84747 (1.0.0)
    package84748 (1.0.0)
    package84749 (1.0.0)
    package84750 (1.0.0)
    package84751 (1.0.0)
    package84752 (1.0.0)
    package84753 (1.0.0)
    package84754 (1.0.0)
    package84755 (1.0.0)
    package84756 (1.0.0)
    package84757 (1.0.0)
    package84758 (1.0.0)
    package84759 (1.0.0)
    package84760 (1.0.0)
    package84761 (1.0.0)
    package84762 (1.0.0)
    package84763 (1.0.0)
    package84764 (1.0.0)
    package84765 (1.0.0)
    package84766 (1.0.0)
    package84767 (1.0.0)
    package84768 (1.0.0)
    package84769 (1.0.0)
    package84770 (1.0.0)
    package84771 (1.0.0)
    package84772 (1.0.0)
    package84773 (1.0.0)
    package84774 (1.0.0)
    package84775 (1.0.0)
    package84776 (1.0.0)
    package84777 (1.0.0)
    package84778 (1.0.0)
    package84779 (1.0.0)
    package84780 (1.0.0)
    package84781 (1.0.0)
    package84782 (1.0.0)
    package84783 (1.0.0)
    package84784 (1.0.0)
    package84785 (1.0.0)
    package84786 (1.0.0)
    package84787 (1.0.0)
    package84788 (1.0.0)
    package84789 (1.0.0)
    package84790 (1.0.0)
    package84791 (1.0.0)
    package84792 (1.0.0)
    package84793 (1.0.0)
    package84794 (1.0.0)
    package84795 (1.0.0)
    package84796 (1.0.0)
    package84797 (1.0.0)
    package84798 (1.0.0)
    package84799 (1.0.0)
    package84800 (1.0.0)
    package84801 (1.0.0)
    package84802 (1.0.0)
    package84803 (1.0.0)
    package84804 (1.0.0)
    package84805 (1.0.0)
    package84806 (1.0.0)
    package84807 (1.0.0)
    package84808 (1.0.0)
    package84809 (1.0.0)
    package84810 (1.0.0)
    package84811 (1.0.0)
    package84812 (1.0.0)
    package84813 (1.0.0)
    package84814 (1.0.0)
    package84815 (1.0.0)
    package84816 (1.0.0)
    package84817 (1.0.0)
    package84818 (1.0.0)
    package84819 (1.0.0)
    package84820 (1.0.0)
    package84821 (1.0.0)
    package84822 (1.0.0)
    package84823 (1.0.0)
    package84824 (1.0.0)
    package84825 (1.0.0)
    package84826 (1.0.0)
    package84827 (1.0.0)
    package84828 (1.0.0)
    package84829 (1.0.0)
    package84830 (1.0.0)
    package84831 (1.0.0)
    package84832 (1.0.0)
    package84833 (1.0.0)
    package84834 (1.0.0)
    package84835 (1.0.0)
    package84836 (1.0.0)
    package84837 (1.0.0)
    package84838 (1.0.0)
    package84839 (1.0.0)
    package84840 (1.0.0)
    package84841 (1.0.0)
    package84842 (1.0.0)
    package84843 (1.0.0)
    package84844 (1.0.0)
    package84845 (1.0.0)
    package84846 (1.0.0)
    package84847 (1.0.0)
    package84848 (1.0.0)
    package84849 (1.0.0)
    package84850 (1.0.0)
    package84851 (1.0.0)
    package84852 (1.0.0)
    package84853 (1.0.0)
    package84854 (1.0.0)
    package84855 (1.0.0)
    package84856 (1.0.0)
    package84857 (1.0.0)
    package84858 (1.0.0)
    package84859 (1.0.0)
    package84860 (1.0.0)
    package84861 (1.0.0)
    package84862 (1.0.0)
    package84863 (1.0.0)
    package84864 (1.0.0)
    package84865 (1.0.0)
    package84866 (1.0.0)
    package84867 (1.0.0)
    package84868 (1.0.0)
    package84869 (1.0.0)
    package84870 (1.0.0)
    package84871 (1.0.0)
    package84872 (1.0.0)
    package84873 (1.0.0)
    package84874 (1.0.0)
    package84875 (1.0.0)
    package84876 (1.0.0)
    package84877 (1.0.0)
    package84878 (1.0.0)
    package84879 (1.0.0)
    package84880 (1.0.0)
    package84881 (1.0.0)
    package84882 (1.0.0)
    package84883 (1.0.0)
    package84884 (1.0.0)
    package84885 (1.0.0)
    package84886 (1.0.0)
    package84887 (1.0.0)
    package84888 (1.0.0)
    package84889 (1.0.0)
    package84890 (1.0.0)
    package84891 (1.0.0)
    package84892 (1.0.0)
    package84893 (1.0.0)
    package84894 (1.0.0)
    package84895 (1.0.0)
    package84896 (1.0.0)
    package84897 (1.0.0)
    package84898 (1.0.0)
    package84899 (1.0.0)
    package84900 (1.0.0)
    package84901 (1.0.0)
    package84902 (1.0.0)
    package84903 (1.0.0)
    package84904 (1.0.0)
    package84905 (1.0.0)
    package84906 (1.0.0)
    package84907 (1.0.0)
    package84908 (1.0.0)
    package84909 (1.0.0)
    package84910 (1.0.0)
    package84911 (1.0.0)
    package84912 (1.0.0)
    package84913 (1.0.0)
    package84914 (1.0.0)
    package84915 (1.0.0)
    package84916 (1.0.0)
    package84917 (1.0.0)
    package84918 (1.0.0)
    package84919 (1.0.0)
    package84920 (1.0.0)
    package84921 (1.0.0)
    package84922 (1.0.0)
    package84923 (1.0.0)
    package84924 (1.0.0)
    package84925 (1.0.0)
    package84926 (1.0.0)
    package84927 (1.0.0)
    package84928 (1.0.0)
    package84929 (1.0.0)
    package84930 (1.0.0)
    package84931 (1.0.0)
    package84932 (1.0.0)
    package84933 (1.0.0)
    package84934 (1.0.0)
    package84935 (1.0.0)
    package84936 (1.0.0)
    package84937 (1.0.0)
    package84938 (1.0.0)
    package84939 (1.0.0)
    package84940 (1.0.0)
    package84941 (1.0.0)
    package84942 (1.0.0)
    package84943 (1.0.0)
    package84944 (1.0.0)
    package84945 (1.0.0)
    package84946 (1.0.0)
    package84947 (1.0.0)
    package84948 (1.0.0)
    package84949 (1.0.0)
    package84950 (1.0.0)
    package84951 (1.0.0)
    package84952 (1.0.0)
    package84953 (1.0.0)
    package84954 (1.0.0)
    package84955 (1.0.0)
    package84956 (1.0.0)
    package84957 (1.0.0)
    package84958 (1.0.0)
    package84959 (1.0.0)
    package84960 (1.0.0)
    package84961 (1.0.0)
    package84962 (1.0.0)
    package84963 (1.0.0)
    package84964 (1.0.0)
    package84965 (1.0.0)
    package84966 (1.0.0)
    package84967 (1.0.0)
    package84968 (1.0.0)
    package84969 (1.0.0)
    package84970 (1.0.0)
    package84971 (1.0.0)
    package84972 (1.0.0)
    package84973 (1.0.0)
    package84974 (1.0.0)
    package84975 (1.0.0)
    package84976 (1.0.0)
    package84977 (1.0.0)
    package84978 (1.0.0)
    package84979 (1.0.0)
    package84980 (1.0.0)
    package84981 (1.0.0)
    package84982 (1.0.0)
    package84983 (1.0.0)
    package84984 (1.0.0)
    package84985 (1.0.0)
    package84986 (1.0.0)
    package84987 (1.0.0)
    package84988 (1.0.0)
    package84989 (1.0.0)
    package84990 (1.0.0)
    package84991 (1.0.0)
    package84992 (1.0.0)
    package84993 (1.0.0)
    package84994 (1.0.0)
    package84995 (1.0.0)
    package84996 (1.0.0)
    package84997 (1.0.0)
    package84998 (1.0.0)
    package84999 (1.0.0)
    package85000 (1.0.0)
    package85001 (1.0.0)
    package85002 (1.0.0)
    package85003 (1.0.0)
    package85004 (1.0.0)
    package85005 (1.0.0)
    package85006 (1.0.0)
    package85007 (1.0.0)
    package85008 (1.0.0)
    package85009 (1.0.0)
    package85010 (1.0.0)
    package85011 (1.0.0)
    package85012 (1.0.0)
    package85013 (1.0.0)
    package85014 (1.0.0)
    package85015 (1.0.0)
    package85016 (1.0.0)
    package85017 (1.0.0)
    package85018 (1.0.0)
    package85019 (1.0.0)
    package85020 (1.0.0)
    package85021 (1.0.0)
    package85022 (1.0.0)
    package85023 (1.0.0)
    package85024 (1.0.0)
    package85025 (1.0.0)
    package85026 (1.0.0)
    package85027 (1.0.0)
    package85028 (1.0.0)
    package85029 (1.0.0)
    package85030 (1.0.0)
    package85031 (1.0.0)
    package85032 (1.0.0)
    package85033 (1.0.0)
    package85034 (1.0.0)
    package85035 (1.0.0)
    package85036 (1.0.0)
    package85037 (1.0.0)
    package85038 (1.0.0)
    package85039 (1.0.0)
    package85040 (1.0.0)
    package85041 (1.0.0)
    package85042 (1.0.0)
    package85043 (1.0.0)
    package85044 (1.0.0)
    package85045 (1.0.0)
    package85046 (1.0.0)
    package85047 (1.0.0)
    package85048 (1.0.0)
    package85049 (1.0.0)
    package85050 (1.0.0)
    package85051 (1.0.0)
    package85052 (1.0.0)
    package85053 (1.0.0)
    package85054 (1.0.0)
    package85055 (1.0.0)
    package85056 (1.0.0)
    package85057 (1.0.0)
    package85058 (1.0.0)
    package85059 (1.0.0)
    package85060 (1.0.0)
    package85061 (1.0.0)
    package85062 (1.0.0)
    package85063 (1.0.0)
    package85064 (1.0.0)
    package85065 (1.0.0)
    package85066 (1.0.0)
    package85067 (1.0.0)
    package85068 (1.0.0)
    package85069 (1.0.0)
    package85070 (1.0.0)
    package85071 (1.0.0)
    package85072 (1.0.0)
    package85073 (1.0.0)
    package85074 (1.0.0)
    package85075 (1.0.0)
    package85076 (1.0.0)
    package85077 (1.0.0)
    package85078 (1.0.0)
    package85079 (1.0.0)
    package85080 (1.0.0)
    package85081 (1.0.0)
    package85082 (1.0.0)
    package85083 (1.0.0)
    package85084 (1.0.0)
    package85085 (1.0.0)
    package85086 (1.0.0)
    package85087 (1.0.0)
    package85088 (1.0.0)
    package85089 (1.0.0)
    package85090 (1.0.0)
    package85091 (1.0.0)
    package85092 (1.0.0)
    package85093 (1.0.0)
    package85094 (1.0.0)
    package85095 (1.0.0)
    package85096 (1.0.0)
    package85097 (1.0.0)
    package85098 (1.0.0)
    package85099 (1.0.0)
    package85100 (1.0.0)
    package85101 (1.0.0)
    package85102 (1.0.0)
    package85103 (1.0.0)
    package85104 (1.0.0)
    package85105 (1.0.0)
    package85106 (1.0.0)
    package85107 (1.0.0)
    package85108 (1.0.0)
    package85109 (1.0.0)
    package85110 (1.0.0)
    package85111 (1.0.0)
    package85112 (1.0.0)
    package85113 (1.0.0)
    package85114 (1.0.0)
    package85115 (1.0.0)
    package85116 (1.0.0)
    package85117 (1.0.0)
    package85118 (1.0.0)
    package85119 (1.0.0)
    package85120 (1.0.0)
    package85121 (1.0.0)
    package85122 (1.0.0)
    package85123 (1.0.0)
    package85124 (1.0.0)
    package85125 (1.0.0)
    package85126 (1.0.0)
    package85127 (1.0.0)
    package85128 (1.0.0)
    package85129 (1.0.0)
    package85130 (1.0.0)
    package85131 (1.0.0)
    package85132 (1.0.0)
    package85133 (1.0.0)
    package85134 (1.0.0)
    package85135 (1.0.0)
    package85136 (1.0.0)
    package85137 (1.0.0)
    package85138 (1.0.0)
    package85139 (1.0.0)
    package85140 (1.0.0)
    package85141 (1.0.0)
    package85142 (1.0.0)
    package85143 (1.0.0)
    package85144 (1.0.0)
    package85145 (1.0.0)
    package85146 (1.0.0)
    package85147 (1.0.0)
    package85148 (1.0.0)
    package85149 (1.0.0)
    package85150 (1.0.0)
    package85151 (1.0.0)
    package85152 (1.0.0)
    package85153 (1.0.0)
    package85154 (1.0.0)
    package85155 (1.0.0)
    package85156 (1.0.0)
    package85157 (1.0.0)
    package85158 (1.0.0)
    package85159 (1.0.0)
    package85160 (1.0.0)
    package85161 (1.0.0)
    package85162 (1.0.0)
    package85163 (1.0.0)
    package85164 (1.0.0)
    package85165 (1.0.0)
    package85166 (1.0.0)
    package85167 (1.0.0)
    package85168 (1.0.0)
    package85169 (1.0.0)
    package85170 (1.0.0)
    package85171 (1.0.0)
    package85172 (1.0.0)
    package85173 (1.0.0)
    package85174 (1.0.0)
    package85175 (1.0.0)
    package85176 (1.0.0)
    package85177 (1.0.0)
    package85178 (1.0.0)
    package85179 (1.0.0)
    package85180 (1.0.0)
    package85181 (1.0.0)
    package85182 (1.0.0)
    package85183 (1.0.0)
    package85184 (1.0.0)
    package85185 (1.0.0)
    package85186 (1.0.0)
    package85187 (1.0.0)
    package85188 (1.0.0)
    package85189 (1.0.0)
    package85190 (1.0.0)
    package85191 (1.0.0)
    package85192 (1.0.0)
    package85193 (1.0.0)
    package85194 (1.0.0)
    package85195 (1.0.0)
    package85196 (1.0.0)
    package85197 (1.0.0)
    package85198 (1.0.0)
    package85199 (1.0.0)
    package85200 (1.0.0)
    package85201 (1.0.0)
    package85202 (1.0.0)
    package85203 (1.0.0)
    package85204 (1.0.0)
    package85205 (1.0.0)
    package85206 (1.0.0)
    package85207 (1.0.0)
    package85208 (1.0.0)
    package85209 (1.0.0)
    package85210 (1.0.0)
    package85211 (1.0.0)
    package85212 (1.0.0)
    package85213 (1.0.0)
    package85214 (1.0.0)
    package85215 (1.0.0)
    package85216 (1.0.0)
    package85217 (1.0.0)
    package85218 (1.0.0)
    package85219 (1.0.0)
    package85220 (1.0.0)
    package85221 (1.0.0)
    package85222 (1.0.0)
    package85223 (1.0.0)
    package85224 (1.0.0)
    package85225 (1.0.0)
    package85226 (1.0.0)
    package85227 (1.0.0)
    package85228 (1.0.0)
    package85229 (1.0.0)
    package85230 (1.0.0)
    package85231 (1.0.0)
    package85232 (1.0.0)
    package85233 (1.0.0)
    package85234 (1.0.0)
    package85235 (1.0.0)
    package85236 (1.0.0)
    package85237 (1.0.0)
    package85238 (1.0.0)
    package85239 (1.0.0)
    package85240 (1.0.0)
    package85241 (1.0.0)
    package85242 (1.0.0)
    package85243 (1.0.0)
    package85244 (1.0.0)
    package85245 (1.0.0)
    package85246 (1.0.0)
    package85247 (1.0.0)
    package85248 (1.0.0)
    package85249 (1.0.0)
    package85250 (1.0.0)
    package85251 (1.0.0)
    package85252 (1.0.0)
    package85253 (1.0.0)
    package85254 (1.0.0)
    package85255 (1.0.0)
    package85256 (1.0.0)
    package85257 (1.0.0)
    package85258 (1.0.0)
    package85259 (1.0.0)
    package85260 (1.0.0)
    package85261 (1.0.0)
    package85262 (1.0.0)
    package85263 (1.0.0)
    package85264 (1.0.0)
    package85265 (1.0.0)
    package85266 (1.0.0)
    package85267 (1.0.0)
    package85268 (1.0.0)
    package85269 (1.0.0)
    package85270 (1.0.0)
    package85271 (1.0.0)
    package85272 (1.0.0)
    package85273 (1.0.0)
    package85274 (1.0.0)
    package85275 (1.0.0)
    package85276 (1.0.0)
    package85277 (1.0.0)
    package85278 (1.0.0)
    package85279 (1.0.0)
    package85280 (1.0.0)
    package85281 (1.0.0)
    package85282 (1.0.0)
    package85283 (1.0.0)
    package85284 (1.0.0)
    package85285 (1.0.0)
    package85286 (1.0.0)
    package85287 (1.0.0)
    package85288 (1.0.0)
    package85289 (1.0.0)
    package85290 (1.0.0)
    package85291 (1.0.0)
    package85292 (1.0.0)
    package85293 (1.0.0)
    package85294 (1.0.0)
    package85295 (1.0.0)
    package85296 (1.0.0)
    package85297 (1.0.0)
    package85298 (1.0.0)
    package85299 (1.0.0)
    package85300 (1.0.0)
    package85301 (1.0.0)
    package85302 (1.0.0)
    package85303 (1.0.0)
    package85304 (1.0.0)
    package85305 (1.0.0)
    package85306 (1.0.0)
    package85307 (1.0.0)
    package85308 (1.0.0)
    package85309 (1.0.0)
    package85310 (1.0.0)
    package85311 (1.0.0)
    package85312 (1.0.0)
    package85313 (1.0.0)
    package85314 (1.0.0)
    package85315 (1.0.0)
    package85316 (1.0.0)
    package85317 (1.0.0)
    package85318 (1.0.0)
    package85319 (1.0.0)
    package85320 (1.0.0)
    package85321 (1.0.0)
    package85322 (1.0.0)
    package85323 (1.0.0)
    package85324 (1.0.0)
    package85325 (1.0.0)
    package85326 (1.0.0)
    package85327 (1.0.0)
    package85328 (1.0.0)
    package85329 (1.0.0)
    package85330 (1.0.0)
    package85331 (1.0.0)
    package85332 (1.0.0)
    package85333 (1.0.0)
    package85334 (1.0.0)
    package85335 (1.0.0)
    package85336 (1.0.0)
    package85337 (1.0.0)
    package85338 (1.0.0)
    package85339 (1.0.0)
    package85340 (1.0.0)
    package85341 (1.0.0)
    package85342 (1.0.0)
    package85343 (1.0.0)
    package85344 (1.0.0)
    package85345 (1.0.0)
    package85346 (1.0.0)
    package85347 (1.0.0)
    package85348 (1.0.0)
    package85349 (1.0.0)
    package85350 (1.0.0)
    package85351 (1.0.0)
    package85352 (1.0.0)
    package85353 (1.0.0)
    package85354 (1.0.0)
    package85355 (1.0.0)
    package85356 (1.0.0)
    package85357 (1.0.0)
    package85358 (1.0.0)
    package85359 (1.0.0)
    package85360 (1.0.0)
    package85361 (1.0.0)
    package85362 (1.0.0)
    package85363 (1.0.0)
    package85364 (1.0.0)
    package85365 (1.0.0)
    package85366 (1.0.0)
    package85367 (1.0.0)
    package85368 (1.0.0)
    package85369 (1.0.0)
    package85370 (1.0.0)
    package85371 (1.0.0)
    package85372 (1.0.0)
    package85373 (1.0.0)
    package85374 (1.0.0)
    package85375 (1.0.0)
    package85376 (1.0.0)
    package85377 (1.0.0)
    package85378 (1.0.0)
    package85379 (1.0.0)
    package85380 (1.0.0)
    package85381 (1.0.0)
    package85382 (1.0.0)
    package85383 (1.0.0)
    package85384 (1.0.0)
    package85385 (1.0.0)
    package85386 (1.0.0)
    package85387 (1.0.0)
    package85388 (1.0.0)
    package85389 (1.0.0)
    package85390 (1.0.0)
    package85391 (1.0.0)
    package85392 (1.0.0)
    package85393 (1.0.0)
    package85394 (1.0.0)
    package85395 (1.0.0)
    package85396 (1.0.0)
    package85397 (1.0.0)
    package85398 (1.0.0)
    package85399 (1.0.0)
    package85400 (1.0.0)
    package85401 (1.0.0)
    package85402 (1.0.0)
    package85403 (1.0.0)
    package85404 (1.0.0)
    package85405 (1.0.0)
    package85406 (1.0.0)
    package85407 (1.0.0)
    package85408 (1.0.0)
    package85409 (1.0.0)
    package85410 (1.0.0)
    package85411 (1.0.0)
    package85412 (1.0.0)
    package85413 (1.0.0)
    package85414 (1.0.0)
    package85415 (1.0.0)
    package85416 (1.0.0)
    package85417 (1.0.0)
    package85418 (1.0.0)
    package85419 (1.0.0)
    package85420 (1.0.0)
    package85421 (1.0.0)
    package85422 (1.0.0)
    package85423 (1.0.0)
    package85424 (1.0.0)
    package85425 (1.0.0)
    package85426 (1.0.0)
    package85427 (1.0.0)
    package85428 (1.0.0)
    package85429 (1.0.0)
    package85430 (1.0.0)
    package85431 (1.0.0)
    package85432 (1.0.0)
    package85433 (1.0.0)
    package85434 (1.0.0)
    package85435 (1.0.0)
    package85436 (1.0.0)
    package85437 (1.0.0)
    package85438 (1.0.0)
    package85439 (1.0.0)
    package85440 (1.0.0)
    package85441 (1.0.0)
    package85442 (1.0.0)
    package85443 (1.0.0)
    package85444 (1.0.0)
    package85445 (1.0.0)
    package85446 (1.0.0)
    package85447 (1.0.0)
    package85448 (1.0.0)
    package85449 (1.0.0)
    package85450 (1.0.0)
    package85451 (1.0.0)
    package85452 (1.0.0)
    package85453 (1.0.0)
    package85454 (1.0.0)
    package85455 (1.0.0)
    package85456 (1.0.0)
    package85457 (1.0.0)
    package85458 (1.0.0)
    package85459 (1.0.0)
    package85460 (1.0.0)
    package85461 (1.0.0)
    package85462 (1.0.0)
    package85463 (1.0.0)
    package85464 (1.0.0)
    package85465 (1.0.0)
    package85466 (1.0.0)
    package85467 (1.0.0)
    package85468 (1.0.0)
    package85469 (1.0.0)
    package85470 (1.0.0)
    package85471 (1.0.0)
    package85472 (1.0.0)
    package85473 (1.0.0)
    package85474 (1.0.0)
    package85475 (1.0.0)
    package85476 (1.0.0)
    package85477 (1.0.0)
    package85478 (1.0.0)
    package85479 (1.0.0)
    package85480 (1.0.0)
    package85481 (1.0.0)
    package85482 (1.0.0)
    package85483 (1.0.0)
    package85484 (1.0.0)
    package85485 (1.0.0)
    package85486 (1.0.0)
    package85487 (1.0.0)
    package85488 (1.0.0)
    package85489 (1.0.0)
    package85490 (1.0.0)
    package85491 (1.0.0)
    package85492 (1.0.0)
    package85493 (1.0.0)
    package85494 (1.0.0)
    package85495 (1.0.0)
    package85496 (1.0.0)
    package85497 (1.0.0)
    package85498 (1.0.0)
    package85499 (1.0.0)
    package85500 (1.0.0)
    package85501 (1.0.0)
    package85502 (1.0.0)
    package85503 (1.0.0)
    package85504 (1.0.0)
    package85505 (1.0.0)
    package85506 (1.0.0)
    package85507 (1.0.0)
    package85508 (1.0.0)
    package85509 (1.0.0)
    package85510 (1.0.0)
    package85511 (1.0.0)
    package85512 (1.0.0)
    package85513 (1.0.0)
    package85514 (1.0.0)
    package85515 (1.0.0)
    package85516 (1.0.0)
    package85517 (1.0.0)
    package85518 (1.0.0)
    package85519 (1.0.0)
    package85520 (1.0.0)
    package85521 (1.0.0)
    package85522 (1.0.0)
    package85523 (1.0.0)
    package85524 (1.0.0)
    package85525 (1.0.0)
    package85526 (1.0.0)
    package85527 (1.0.0)
    package85528 (1.0.0)
    package85529 (1.0.0)
    package85530 (1.0.0)
    package85531 (1.0.0)
    package85532 (1.0.0)
    package85533 (1.0.0)
    package85534 (1.0.0)
    package85535 (1.0.0)
    package85536 (1.0.0)
    package85537 (1.0.0)
    package85538 (1.0.0)
    package85539 (1.0.0)
    package85540 (1.0.0)
    package85541 (1.0.0)
    package85542 (1.0.0)
    package85543 (1.0.0)
    package85544 (1.0.0)
    package85545 (1.0.0)
    package85546 (1.0.0)
    package85547 (1.0.0)
    package85548 (1.0.0)
    package85549 (1.0.0)
    package85550 (1.0.0)
    package85551 (1.0.0)
    package85552 (1.0.0)
    package85553 (1.0.0)
    package85554 (1.0.0)
    package85555 (1.0.0)
    package85556 (1.0.0)
    package85557 (1.0.0)
    package85558 (1.0.0)
    package85559 (1.0.0)
    package85560 (1.0.0)
    package85561 (1.0.0)
    package85562 (1.0.0)
    package85563 (1.0.0)
    package85564 (1.0.0)
    package85565 (1.0.0)
    package85566 (1.0.0)
    package85567 (1.0.0)
    package85568 (1.0.0)
    package85569 (1.0.0)
    package85570 (1.0.0)
    package85571 (1.0.0)
    package85572 (1.0.0)
    package85573 (1.0.0)
    package85574 (1.0.0)
    package85575 (1.0.0)
    package85576 (1.0.0)
    package85577 (1.0.0)
    package85578 (1.0.0)
    package85579 (1.0.0)
    package85580 (1.0.0)
    package85581 (1.0.0)
    package85582 (1.0.0)
    package85583 (1.0.0)
    package85584 (1.0.0)
    package85585 (1.0.0)
    package85586 (1.0.0)
    package85587 (1.0.0)
    package85588 (1.0.0)
    package85589 (1.0.0)
    package85590 (1.0.0)
    package85591 (1.0.0)
    package85592 (1.0.0)
    package85593 (1.0.0)
    package85594 (1.0.0)
    package85595 (1.0.0)
    package85596 (1.0.0)
    package85597 (1.0.0)
    package85598 (1.0.0)
    package85599 (1.0.0)
    package85600 (1.0.0)
    package85601 (1.0.0)
    package85602 (1.0.0)
    package85603 (1.0.0)
    package85604 (1.0.0)
    package85605 (1.0.0)
    package85606 (1.0.0)
    package85607 (1.0.0)
    package85608 (1.0.0)
    package85609 (1.0.0)
    package85610 (1.0.0)
    package85611 (1.0.0)
    package85612 (1.0.0)
    package85613 (1.0.0)
    package85614 (1.0.0)
    package85615 (1.0.0)
    package85616 (1.0.0)
    package85617 (1.0.0)
    package85618 (1.0.0)
    package85619 (1.0.0)
    package85620 (1.0.0)
    package85621 (1.0.0)
    package85622 (1.0.0)
    package85623 (1.0.0)
    package85624 (1.0.0)
    package85625 (1.0.0)
    package85626 (1.0.0)
    package85627 (1.0.0)
    package85628 (1.0.0)
    package85629 (1.0.0)
    package85630 (1.0.0)
    package85631 (1.0.0)
    package85632 (1.0.0)
    package85633 (1.0.0)
    package85634 (1.0.0)
    package85635 (1.0.0)
    package85636 (1.0.0)
    package85637 (1.0.0)
    package85638 (1.0.0)
    package85639 (1.0.0)
    package85640 (1.0.0)
    package85641 (1.0.0)
    package85642 (1.0.0)
    package85643 (1.0.0)
    package85644 (1.0.0)
    package85645 (1.0.0)
    package85646 (1.0.0)
    package85647 (1.0.0)
    package85648 (1.0.0)
    package85649 (1.0.0)
    package85650 (1.0.0)
    package85651 (1.0.0)
    package85652 (1.0.0)
    package85653 (1.0.0)
    package85654 (1.0.0)
    package85655 (1.0.0)
    package85656 (1.0.0)
    package85657 (1.0.0)
    package85658 (1.0.0)
    package85659 (1.0.0)
    package85660 (1.0.0)
    package85661 (1.0.0)
    package85662 (1.0.0)
    package85663 (1.0.0)
    package85664 (1.0.0)
    package85665 (1.0.0)
    package85666 (1.0.0)
    package85667 (1.0.0)
    package85668 (1.0.0)
    package85669 (1.0.0)
    package85670 (1.0.0)
    package85671 (1.0.0)
    package85672 (1.0.0)
    package85673 (1.0.0)
    package85674 (1.0.0)
    package85675 (1.0.0)
    package85676 (1.0.0)
    package85677 (1.0.0)
    package85678 (1.0.0)
    package85679 (1.0.0)
    package85680 (1.0.0)
    package85681 (1.0.0)
    package85682 (1.0.0)
    package85683 (1.0.0)
    package85684 (1.0.0)
    package85685 (1.0.0)
    package85686 (1.0.0)
    package85687 (1.0.0)
    package85688 (1.0.0)
    package85689 (1.0.0)
    package85690 (1.0.0)
    package85691 (1.0.0)
    package85692 (1.0.0)
    package85693 (1.0.0)
    package85694 (1.0.0)
    package85695 (1.0.0)
    package85696 (1.0.0)
    package85697 (1.0.0)
    package85698 (1.0.0)
    package85699 (1.0.0)
    package85700 (1.0.0)
    package85701 (1.0.0)
    package85702 (1.0.0)
    package85703 (1.0.0)
    package85704 (1.0.0)
    package85705 (1.0.0)
    package85706 (1.0.0)
    package85707 (1.0.0)
    package85708 (1.0.0)
    package85709 (1.0.0)
    package85710 (1.0.0)
    package85711 (1.0.0)
    package85712 (1.0.0)
    package85713 (1.0.0)
    package85714 (1.0.0)
    package85715 (1.0.0)
    package85716 (1.0.0)
    package85717 (1.0.0)
    package85718 (1.0.0)
    package85719 (1.0.0)
    package85720 (1.0.0)
    package85721 (1.0.0)
    package85722 (1.0.0)
    package85723 (1.0.0)
    package85724 (1.0.0)
    package85725 (1.0.0)
    package85726 (1.0.0)
    package85727 (1.0.0)
    package85728 (1.0.0)
    package85729 (1.0.0)
    package85730 (1.0.0)
    package85731 (1.0.0)
    package85732 (1.0.0)
    package85733 (1.0.0)
    package85734 (1.0.0)
    package85735 (1.0.0)
    package85736 (1.0.0)
    package85737 (1.0.0)
    package85738 (1.0.0)
    package85739 (1.0.0)
    package85740 (1.0.0)
    package85741 (1.0.0)
    package85742 (1.0.0)
    package85743 (1.0.0)
    package85744 (1.0.0)
    package85745 (1.0.0)
    package85746 (1.0.0)
    package85747 (1.0.0)
    package85748 (1.0.0)
    package85749 (1.0.0)
    package85750 (1.0.0)
    package85751 (1.0.0)
    package85752 (1.0.0)
    package85753 (1.0.0)
    package85754 (1.0.0)
    package85755 (1.0.0)
    package85756 (1.0.0)
    package85757 (1.0.0)
    package85758 (1.0.0)
    package85759 (1.0.0)
    package85760 (1.0.0)
    package85761 (1.0.0)
    package85762 (1.0.0)
    package85763 (1.0.0)
    package85764 (1.0.0)
    package85765 (1.0.0)
    package85766 (1.0.0)
    package85767 (1.0.0)
    package85768 (1.0.0)
    package85769 (1.0.0)
    package85770 (1.0.0)
    package85771 (1.0.0)
    package85772 (1.0.0)
    package85773 (1.0.0)
    package85774 (1.0.0)
    package85775 (1.0.0)
    package85776 (1.0.0)
    package85777 (1.0.0)
    package85778 (1.0.0)
    package85779 (1.0.0)
    package85780 (1.0.0)
    package85781 (1.0.0)
    package85782 (1.0.0)
    package85783 (1.0.0)
    package85784 (1.0.0)
    package85785 (1.0.0)
    package85786 (1.0.0)
    package85787 (1.0.0)
    package85788 (1.0.0)
    package85789 (1.0.0)
    package85790 (1.0.0)
    package85791 (1.0.0)
    package85792 (1.0.0)
    package85793 (1.0.0)
    package85794 (1.0.0)
    package85795 (1.0.0)
    package85796 (1.0.0)
    package85797 (1.0.0)
    package85798 (1.0.0)
    package85799 (1.0.0)
    package85800 (1.0.0)
    package85801 (1.0.0)
    package85802 (1.0.0)
    package85803 (1.0.0)
    package85804 (1.0.0)
    package85805 (1.0.0)
    package85806 (1.0.0)
    package85807 (1.0.0)
    package85808 (1.0.0)
    package85809 (1.0.0)
    package85810 (1.0.0)
    package85811 (1.0.0)
    package85812 (1.0.0)
    package85813 (1.0.0)
    package85814 (1.0.0)
    package85815 (1.0.0)
    package85816 (1.0.0)
    package85817 (1.0.0)
    package85818 (1.0.0)
    package85819 (1.0.0)
    package85820 (1.0.0)
    package85821 (1.0.0)
    package85822 (1.0.0)
    package85823 (1.0.0)
    package85824 (1.0.0)
    package85825 (1.0.0)
    package85826 (1.0.0)
    package85827 (1.0.0)
    package85828 (1.0.0)
    package85829 (1.0.0)
    package85830 (1.0.0)
    package85831 (1.0.0)
    package85832 (1.0.0)
    package85833 (1.0.0)
    package85834 (1.0.0)
    package85835 (1.0.0)
    package85836 (1.0.0)
    package85837 (1.0.0)
    package85838 (1.0.0)
    package85839 (1.0.0)
    package85840 (1.0.0)
    package85841 (1.0.0)
    package85842 (1.0.0)
    package85843 (1.0.0)
    package85844 (1.0.0)
    package85845 (1.0.0)
    package85846 (1.0.0)
    package85847 (1.0.0)
    package85848 (1.0.0)
    package85849 (1.0.0)
    package85850 (1.0.0)
    package85851 (1.0.0)
    package85852 (1.0.0)
    package85853 (1.0.0)
    package85854 (1.0.0)
    package85855 (1.0.0)
    package85856 (1.0.0)
    package85857 (1.0.0)
    package85858 (1.0.0)
    package85859 (1.0.0)
    package85860 (1.0.0)
    package85861 (1.0.0)
    package85862 (1.0.0)
    package85863 (1.0.0)
    package85864 (1.0.0)
    package85865 (1.0.0)
    package85866 (1.0.0)
    package85867 (1.0.0)
    package85868 (1.0.0)
    package85869 (1.0.0)
    package85870 (1.0.0)
    package85871 (1.0.0)
    package85872 (1.0.0)
    package85873 (1.0.0)
    package85874 (1.0.0)
    package85875 (1.0.0)
    package85876 (1.0.0)
    package85877 (1.0.0)
    package85878 (1.0.0)
    package85879 (1.0.0)
    package85880 (1.0.0)
    package85881 (1.0.0)
    package85882 (1.0.0)
    package85883 (1.0.0)
    package85884 (1.0.0)
    package85885 (1.0.0)
    package85886 (1.0.0)
    package85887 (1.0.0)
    package85888 (1.0.0)
    package85889 (1.0.0)
    package85890 (1.0.0)
    package85891 (1.0.0)
    package85892 (1.0.0)
    package85893 (1.0.0)
    package85894 (1.0.0)
    package85895 (1.0.0)
    package85896 (1.0.0)
    package85897 (1.0.0)
    package85898 (1.0.0)
    package85899 (1.0.0)
    package85900 (1.0.0)
    package85901 (1.0.0)
    package85902 (1.0.0)
    package85903 (1.0.0)
    package85904 (1.0.0)
    package85905 (1.0.0)
    package85906 (1.0.0)
    package85907 (1.0.0)
    package85908 (1.0.0)
    package85909 (1.0.0)
    package85910 (1.0.0)
    package85911 (1.0.0)
    package85912 (1.0.0)
    package85913 (1.0.0)
    package85914 (1.0.0)
    package85915 (1.0.0)
    package85916 (1.0.0)
    package85917 (1.0.0)
    package85918 (1.0.0)
    package85919 (1.0.0)
    package85920 (1.0.0)
    package85921 (1.0.0)
    package85922 (1.0.0)
    package85923 (1.0.0)
    package85924 (1.0.0)
    package85925 (1.0.0)
    package85926 (1.0.0)
    package85927 (1.0.0)
    package85928 (1.0.0)
    package85929 (1.0.0)
    package85930 (1.0.0)
    package85931 (1.0.0)
    package85932 (1.0.0)
    package85933 (1.0.0)
    package85934 (1.0.0)
    package85935 (1.0.0)
    package85936 (1.0.0)
    package85937 (1.0.0)
    package85938 (1.0.0)
    package85939 (1.0.0)
    package85940 (1.0.0)
    package85941 (1.0.0)
    package85942 (1.0.0)
    package85943 (1.0.0)
    package85944 (1.0.0)
    package85945 (1.0.0)
    package85946 (1.0.0)
    package85947 (1.0.0)
    package85948 (1.0.0)
    package85949 (1.0.0)
    package85950 (1.0.0)
    package85951 (1.0.0)
    package85952 (1.0.0)
    package85953 (1.0.0)
    package85954 (1.0.0)
    package85955 (1.0.0)
    package85956 (1.0.0)
    package85957 (1.0.0)
    package85958 (1.0.0)
    package85959 (1.0.0)
    package85960 (1.0.0)
    package85961 (1.0.0)
    package85962 (1.0.0)
    package85963 (1.0.0)
    package85964 (1.0.0)
    package85965 (1.0.0)
    package85966 (1.0.0)
    package85967 (1.0.0)
    package85968 (1.0.0)
    package85969 (1.0.0)
    package85970 (1.0.0)
    package85971 (1.0.0)
    package85972 (1.0.0)
    package85973 (1.0.0)
    package85974 (1.0.0)
    package85975 (1.0.0)
    package85976 (1.0.0)
    package85977 (1.0.0)
    package85978 (1.0.0)
    package85979 (1.0.0)
    package85980 (1.0.0)
    package85981 (1.0.0)
    package85982 (1.0.0)
    package85983 (1.0.0)
    package85984 (1.0.0)
    package85985 (1.0.0)
    package85986 (1.0.0)
    package85987 (1.0.0)
    package85988 (1.0.0)
    package85989 (1.0.0)
    package85990 (1.0.0)
    package85991 (1.0.0)
    package85992 (1.0.0)
    package85993 (1.0.0)
    package85994 (1.0.0)
    package85995 (1.0.0)
    package85996 (1.0.0)
    package85997 (1.0.0)
    package85998 (1.0.0)
    package85999 (1.0.0)
    package86000 (1.0.0)
    package86001 (1.0.0)
    package86002 (1.0.0)
    package86003 (1.0.0)
    package86004 (1.0.0)
    package86005 (1.0.0)
    package86006 (1.0.0)
    package86007 (1.0.0)
    package86008 (1.0.0)
    package86009 (1.0.0)
    package86010 (1.0.0)
    package86011 (1.0.0)
    package86012 (1.0.0)
    package86013 (1.0.0)
    package86014 (1.0.0)
    package86015 (1.0.0)
    package86016 (1.0.0)
    package86017 (1.0.0)
    package86018 (1.0.0)
    package86019 (1.0.0)
    package86020 (1.0.0)
    package86021 (1.0.0)
    package86022 (1.0.0)
    package86023 (1.0.0)
    package86024 (1.0.0)
    package86025 (1.0.0)
    package86026 (1.0.0)
    package86027 (1.0.0)
    package86028 (1.0.0)
    package86029 (1.0.0)
    package86030 (1.0.0)
    package86031 (1.0.0)
    package86032 (1.0.0)
    package86033 (1.0.0)
    package86034 (1.0.0)
    package86035 (1.0.0)
    package86036 (1.0.0)
    package86037 (1.0.0)
    package86038 (1.0.0)
    package86039 (1.0.0)
    package86040 (1.0.0)
    package86041 (1.0.0)
    package86042 (1.0.0)
    package86043 (1.0.0)
    package86044 (1.0.0)
    package86045 (1.0.0)
    package86046 (1.0.0)
    package86047 (1.0.0)
    package86048 (1.0.0)
    package86049 (1.0.0)
    package86050 (1.0.0)
    package86051 (1.0.0)
    package86052 (1.0.0)
    package86053 (1.0.0)
    package86054 (1.0.0)
    package86055 (1.0.0)
    package86056 (1.0.0)
    package86057 (1.0.0)
    package86058 (1.0.0)
    package86059 (1.0.0)
    package86060 (1.0.0)
    package86061 (1.0.0)
    package86062 (1.0.0)
    package86063 (1.0.0)
    package86064 (1.0.0)
    package86065 (1.0.0)
    package86066 (1.0.0)
    package86067 (1.0.0)
    package86068 (1.0.0)
    package86069 (1.0.0)
    package86070 (1.0.0)
    package86071 (1.0.0)
    package86072 (1.0.0)
    package86073 (1.0.0)
    package86074 (1.0.0)
    package86075 (1.0.0)
    package86076 (1.0.0)
    package86077 (1.0.0)
    package86078 (1.0.0)
    package86079 (1.0.0)
    package86080 (1.0.0)
    package86081 (1.0.0)
    package86082 (1.0.0)
    package86083 (1.0.0)
    package86084 (1.0.0)
    package86085 (1.0.0)
    package86086 (1.0.0)
    package86087 (1.0.0)
    package86088 (1.0.0)
    package86089 (1.0.0)
    package86090 (1.0.0)
    package86091 (1.0.0)
    package86092 (1.0.0)
    package86093 (1.0.0)
    package86094 (1.0.0)
    package86095 (1.0.0)
    package86096 (1.0.0)
    package86097 (1.0.0)
    package86098 (1.0.0)
    package86099 (1.0.0)
    package86100 (1.0.0)
    package86101 (1.0.0)
    package86102 (1.0.0)
    package86103 (1.0.0)
    package86104 (1.0.0)
    package86105 (1.0.0)
    package86106 (1.0.0)
    package86107 (1.0.0)
    package86108 (1.0.0)
    package86109 (1.0.0)
    package86110 (1.0.0)
    package86111 (1.0.0)
    package86112 (1.0.0)
    package86113 (1.0.0)
    package86114 (1.0.0)
    package86115 (1.0.0)
    package86116 (1.0.0)
    package86117 (1.0.0)
    package86118 (1.0.0)
    package86119 (1.0.0)
    package86120 (1.0.0)
    package86121 (1.0.0)
    package86122 (1.0.0)
    package86123 (1.0.0)
    package86124 (1.0.0)
    package86125 (1.0.0)
    package86126 (1.0.0)
    package86127 (1.0.0)
    package86128 (1.0.0)
    package86129 (1.0.0)
    package86130 (1.0.0)
    package86131 (1.0.0)
    package86132 (1.0.0)
    package86133 (1.0.0)
    package86134 (1.0.0)
    package86135 (1.0.0)
    package86136 (1.0.0)
    package86137 (1.0.0)
    package86138 (1.0.0)
    package86139 (1.0.0)
    package86140 (1.0.0)
    package86141 (1.0.0)
    package86142 (1.0.0)
    package86143 (1.0.0)
    package86144 (1.0.0)
    package86145 (1.0.0)
    package86146 (1.0.0)
    package86147 (1.0.0)
    package86148 (1.0.0)
    package86149 (1.0.0)
    package86150 (1.0.0)
    package86151 (1.0.0)
    package86152 (1.0.0)
    package86153 (1.0.0)
    package86154 (1.0.0)
    package86155 (1.0.0)
    package86156 (1.0.0)
    package86157 (1.0.0)
    package86158 (1.0.0)
    package86159 (1.0.0)
    package86160 (1.0.0)
    package86161 (1.0.0)
    package86162 (1.0.0)
    package86163 (1.0.0)
    package86164 (1.0.0)
    package86165 (1.0.0)
    package86166 (1.0.0)
    package86167 (1.0.0)
    package86168 (1.0.0)
    package86169 (1.0.0)
    package86170 (1.0.0)
    package86171 (1.0.0)
    package86172 (1.0.0)
    package86173 (1.0.0)
    package86174 (1.0.0)
    package86175 (1.0.0)
    package86176 (1.0.0)
    package86177 (1.0.0)
    package86178 (1.0.0)
    package86179 (1.0.0)
    package86180 (1.0.0)
    package86181 (1.0.0)
    package86182 (1.0.0)
    package86183 (1.0.0)
    package86184 (1.0.0)
    package86185 (1.0.0)
    package86186 (1.0.0)
    package86187 (1.0.0)
    package86188 (1.0.0)
    package86189 (1.0.0)
    package86190 (1.0.0)
    package86191 (1.0.0)
    package86192 (1.0.0)
    package86193 (1.0.0)
    package86194 (1.0.0)
    package86195 (1.0.0)
    package86196 (1.0.0)
    package86197 (1.0.0)
    package86198 (1.0.0)
    package86199 (1.0.0)
    package86200 (1.0.0)
    package86201 (1.0.0)
    package86202 (1.0.0)
    package86203 (1.0.0)
    package86204 (1.0.0)
    package86205 (1.0.0)
    package86206 (1.0.0)
    package86207 (1.0.0)
    package86208 (1.0.0)
    package86209 (1.0.0)
    package86210 (1.0.0)
    package86211 (1.0.0)
    package86212 (1.0.0)
    package86213 (1.0.0)
    package86214 (1.0.0)
    package86215 (1.0.0)
    package86216 (1.0.0)
    package86217 (1.0.0)
    package86218 (1.0.0)
    package86219 (1.0.0)
    package86220 (1.0.0)
    package86221 (1.0.0)
    package86222 (1.0.0)
    package86223 (1.0.0)
    package86224 (1.0.0)
    package86225 (1.0.0)
    package86226 (1.0.0)
    package86227 (1.0.0)
    package86228 (1.0.0)
    package86229 (1.0.0)
    package86230 (1.0.0)
    package86231 (1.0.0)
    package86232 (1.0.0)
    package86233 (1.0.0)
    package86234 (1.0.0)
    package86235 (1.0.0)
    package86236 (1.0.0)
    package86237 (1.0.0)
    package86238 (1.0.0)
    package86239 (1.0.0)
    package86240 (1.0.0)
    package86241 (1.0.0)
    package86242 (1.0.0)
    package86243 (1.0.0)
    package86244 (1.0.0)
    package86245 (1.0.0)
    package86246 (1.0.0)
    package86247 (1.0.0)
    package86248 (1.0.0)
    package86249 (1.0.0)
    package86250 (1.0.0)
    package86251 (1.0.0)
    package86252 (1.0.0)
    package86253 (1.0.0)
    package86254 (1.0.0)
    package86255 (1.0.0)
    package86256 (1.0.0)
    package86257 (1.0.0)
    package86258 (1.0.0)
    package86259 (1.0.0)
    package86260 (1.0.0)
    package86261 (1.0.0)
    package86262 (1.0.0)
    package86263 (1.0.0)
    package86264 (1.0.0)
    package86265 (1.0.0)
    package86266 (1.0.0)
    package86267 (1.0.0)
    package86268 (1.0.0)
    package86269 (1.0.0)
    package86270 (1.0.0)
    package86271 (1.0.0)
    package86272 (1.0.0)
    package86273 (1.0.0)
    package86274 (1.0.0)
    package86275 (1.0.0)
    package86276 (1.0.0)
    package86277 (1.0.0)
    package86278 (1.0.0)
    package86279 (1.0.0)
    package86280 (1.0.0)
    package86281 (1.0.0)
    package86282 (1.0.0)
    package86283 (1.0.0)
    package86284 (1.0.0)
    package86285 (1.0.0)
    package86286 (1.0.0)
    package86287 (1.0.0)
    package86288 (1.0.0)
    package86289 (1.0.0)
    package86290 (1.0.0)
    package86291 (1.0.0)
    package86292 (1.0.0)
    package86293 (1.0.0)
    package86294 (1.0.0)
    package86295 (1.0.0)
    package86296 (1.0.0)
    package86297 (1.0.0)
    package86298 (1.0.0)
    package86299 (1.0.0)
    package86300 (1.0.0)
    package86301 (1.0.0)
    package86302 (1.0.0)
    package86303 (1.0.0)
    package86304 (1.0.0)
    package86305 (1.0.0)
    package86306 (1.0.0)
    package86307 (1.0.0)
    package86308 (1.0.0)
    package86309 (1.0.0)
    package86310 (1.0.0)
    package86311 (1.0.0)
    package86312 (1.0.0)
    package86313 (1.0.0)
    package86314 (1.0.0)
    package86315 (1.0.0)
    package86316 (1.0.0)
    package86317 (1.0.0)
    package86318 (1.0.0)
    package86319 (1.0.0)
    package86320 (1.0.0)
    package86321 (1.0.0)
    package86322 (1.0.0)
    package86323 (1.0.0)
    package86324 (1.0.0)
    package86325 (1.0.0)
    package86326 (1.0.0)
    package86327 (1.0.0)
    package86328 (1.0.0)
    package86329 (1.0.0)
    package86330 (1.0.0)
    package86331 (1.0.0)
    package86332 (1.0.0)
    package86333 (1.0.0)
    package86334 (1.0.0)
    package86335 (1.0.0)
    package86336 (1.0.0)
    package86337 (1.0.0)
    package86338 (1.0.0)
    package86339 (1.0.0)
    package86340 (1.0.0)
    package86341 (1.0.0)
    package86342 (1.0.0)
    package86343 (1.0.0)
    package86344 (1.0.0)
    package86345 (1.0.0)
    package86346 (1.0.0)
    package86347 (1.0.0)
    package86348 (1.0.0)
    package86349 (1.0.0)
    package86350 (1.0.0)
    package86351 (1.0.0)
    package86352 (1.0.0)
    package86353 (1.0.0)
    package86354 (1.0.0)
    package86355 (1.0.0)
    package86356 (1.0.0)
    package86357 (1.0.0)
    package86358 (1.0.0)
    package86359 (1.0.0)
    package86360 (1.0.0)
    package86361 (1.0.0)
    package86362 (1.0.0)
    package86363 (1.0.0)
    package86364 (1.0.0)
    package86365 (1.0.0)
    package86366 (1.0.0)
    package86367 (1.0.0)
    package86368 (1.0.0)
    package86369 (1.0.0)
    package86370 (1.0.0)
    package86371 (1.0.0)
    package86372 (1.0.0)
    package86373 (1.0.0)
    package86374 (1.0.0)
    package86375 (1.0.0)
    package86376 (1.0.0)
    package86377 (1.0.0)
    package86378 (1.0.0)
    package86379 (1.0.0)
    package86380 (1.0.0)
    package86381 (1.0.0)
    package86382 (1.0.0)
    package86383 (1.0.0)
    package86384 (1.0.0)
    package86385 (1.0.0)
    package86386 (1.0.0)
    package86387 (1.0.0)
    package86388 (1.0.0)
    package86389 (1.0.0)
    package86390 (1.0.0)
    package86391 (1.0.0)
    package86392 (1.0.0)
    package86393 (1.0.0)
    package86394 (1.0.0)
    package86395 (1.0.0)
    package86396 (1.0.0)
    package86397 (1.0.0)
    package86398 (1.0.0)
    package86399 (1.0.0)
    package86400 (1.0.0)
    package86401 (1.0.0)
    package86402 (1.0.0)
    package86403 (1.0.0)
    package86404 (1.0.0)
    package86405 (1.0.0)
    package86406 (1.0.0)
    package86407 (1.0.0)
    package86408 (1.0.0)
    package86409 (1.0.0)
    package86410 (1.0.0)
    package86411 (1.0.0)
    package86412 (1.0.0)
    package86413 (1.0.0)
    package86414 (1.0.0)
    package86415 (1.0.0)
    package86416 (1.0.0)
    package86417 (1.0.0)
    package86418 (1.0.0)
    package86419 (1.0.0)
    package86420 (1.0.0)
    package86421 (1.0.0)
    package86422 (1.0.0)
    package86423 (1.0.0)
    package86424 (1.0.0)
    package86425 (1.0.0)
    package86426 (1.0.0)
    package86427 (1.0.0)
    package86428 (1.0.0)
    package86429 (1.0.0)
    package86430 (1.0.0)
    package86431 (1.0.0)
    package86432 (1.0.0)
    package86433 (1.0.0)
    package86434 (1.0.0)
    package86435 (1.0.0)
    package86436 (1.0.0)
    package86437 (1.0.0)
    package86438 (1.0.0)
    package86439 (1.0.0)
    package86440 (1.0.0)
    package86441 (1.0.0)
    package86442 (1.0.0)
    package86443 (1.0.0)
    package86444 (1.0.0)
    package86445 (1.0.0)
    package86446 (1.0.0)
    package86447 (1.0.0)
    package86448 (1.0.0)
    package86449 (1.0.0)
    package86450 (1.0.0)
    package86451 (1.0.0)
    package86452 (1.0.0)
    package86453 (1.0.0)
    package86454 (1.0.0)
    package86455 (1.0.0)
    package86456 (1.0.0)
    package86457 (1.0.0)
    package86458 (1.0.0)
    package86459 (1.0.0)
    package86460 (1.0.0)
    package86461 (1.0.0)
    package86462 (1.0.0)
    package86463 (1.0.0)
    package86464 (1.0.0)
    package86465 (1.0.0)
    package86466 (1.0.0)
    package86467 (1.0.0)
    package86468 (1.0.0)
    package86469 (1.0.0)
    package86470 (1.0.0)
    package86471 (1.0.0)
    package86472 (1.0.0)
    package86473 (1.0.0)
    package86474 (1.0.0)
    package86475 (1.0.0)
    package86476 (1.0.0)
    package86477 (1.0.0)
    package86478 (1.0.0)
    package86479 (1.0.0)
    package86480 (1.0.0)
    package86481 (1.0.0)
    package86482 (1.0.0)
    package86483 (1.0.0)
    package86484 (1.0.0)
    package86485 (1.0.0)
    package86486 (1.0.0)
    package86487 (1.0.0)
    package86488 (1.0.0)
    package86489 (1.0.0)
    package86490 (1.0.0)
    package86491 (1.0.0)
    package86492 (1.0.0)
    package86493 (1.0.0)
    package86494 (1.0.0)
    package86495 (1.0.0)
    package86496 (1.0.0)
    package86497 (1.0.0)
    package86498 (1.0.0)
    package86499 (1.0.0)
    package86500 (1.0.0)
    package86501 (1.0.0)
    package86502 (1.0.0)
    package86503 (1.0.0)
    package86504 (1.0.0)
    package86505 (1.0.0)
    package86506 (1.0.0)
    package86507 (1.0.0)
    package86508 (1.0.0)
    package86509 (1.0.0)
    package86510 (1.0.0)
    package86511 (1.0.0)
    package86512 (1.0.0)
    package86513 (1.0.0)
    package86514 (1.0.0)
    package86515 (1.0.0)
    package86516 (1.0.0)
    package86517 (1.0.0)
    package86518 (1.0.0)
    package86519 (1.0.0)
    package86520 (1.0.0)
    package86521 (1.0.0)
    package86522 (1.0.0)
    package86523 (1.0.0)
    package86524 (1.0.0)
    package86525 (1.0.0)
    package86526 (1.0.0)
    package86527 (1.0.0)
    package86528 (1.0.0)
    package86529 (1.0.0)
    package86530 (1.0.0)
    package86531 (1.0.0)
    package86532 (1.0.0)
    package86533 (1.0.0)
    package86534 (1.0.0)
    package86535 (1.0.0)
    package86536 (1.0.0)
    package86537 (1.0.0)
    package86538 (1.0.0)
    package86539 (1.0.0)
    package86540 (1.0.0)
    package86541 (1.0.0)
    package86542 (1.0.0)
    package86543 (1.0.0)
    package86544 (1.0.0)
    package86545 (1.0.0)
    package86546 (1.0.0)
    package86547 (1.0.0)
    package86548 (1.0.0)
    package86549 (1.0.0)
    package86550 (1.0.0)
    package86551 (1.0.0)
    package86552 (1.0.0)
    package86553 (1.0.0)
    package86554 (1.0.0)
    package86555 (1.0.0)
    package86556 (1.0.0)
    package86557 (1.0.0)
    package86558 (1.0.0)
    package86559 (1.0.0)
    package86560 (1.0.0)
    package86561 (1.0.0)
    package86562 (1.0.0)
    package86563 (1.0.0)
    package86564 (1.0.0)
    package86565 (1.0.0)
    package86566 (1.0.0)
    package86567 (1.0.0)
    package86568 (1.0.0)
    package86569 (1.0.0)
    package86570 (1.0.0)
    package86571 (1.0.0)
    package86572 (1.0.0)
    package86573 (1.0.0)
    package86574 (1.0.0)
    package86575 (1.0.0)
    package86576 (1.0.0)
    package86577 (1.0.0)
    package86578 (1.0.0)
    package86579 (1.0.0)
    package86580 (1.0.0)
    package86581 (1.0.0)
    package86582 (1.0.0)
    package86583 (1.0.0)
    package86584 (1.0.0)
    package86585 (1.0.0)
    package86586 (1.0.0)
    package86587 (1.0.0)
    package86588 (1.0.0)
    package86589 (1.0.0)
    package86590 (1.0.0)
    package86591 (1.0.0)
    package86592 (1.0.0)
    package86593 (1.0.0)
    package86594 (1.0.0)
    package86595 (1.0.0)
    package86596 (1.0.0)
    package86597 (1.0.0)
    package86598 (1.0.0)
    package86599 (1.0.0)
    package86600 (1.0.0)
    package86601 (1.0.0)
    package86602 (1.0.0)
    package86603 (1.0.0)
    package86604 (1.0.0)
    package86605 (1.0.0)
    package86606 (1.0.0)
    package86607 (1.0.0)
    package86608 (1.0.0)
    package86609 (1.0.0)
    package86610 (1.0.0)
    package86611 (1.0.0)
    package86612 (1.0.0)
    package86613 (1.0.0)
    package86614 (1.0.0)
    package86615 (1.0.0)
    package86616 (1.0.0)
    package86617 (1.0.0)
    package86618 (1.0.0)
    package86619 (1.0.0)
    package86620 (1.0.0)
    package86621 (1.0.0)
    package86622 (1.0.0)
    package86623 (1.0.0)
    package86624 (1.0.0)
    package86625 (1.0.0)
    package86626 (1.0.0)
    package86627 (1.0.0)
    package86628 (1.0.0)
    package86629 (1.0.0)
    package86630 (1.0.0)
    package86631 (1.0.0)
    package86632 (1.0.0)
    package86633 (1.0.0)
    package86634 (1.0.0)
    package86635 (1.0.0)
    package86636 (1.0.0)
    package86637 (1.0.0)
    package86638 (1.0.0)
    package86639 (1.0.0)
    package86640 (1.0.0)
    package86641 (1.0.0)
    package86642 (1.0.0)
    package86643 (1.0.0)
    package86644 (1.0.0)
    package86645 (1.0.0)
    package86646 (1.0.0)
    package86647 (1.0.0)
    package86648 (1.0.0)
    package86649 (1.0.0)
    package86650 (1.0.0)
    package86651 (1.0.0)
    package86652 (1.0.0)
    package86653 (1.0.0)
    package86654 (1.0.0)
    package86655 (1.0.0)
    package86656 (1.0.0)
    package86657 (1.0.0)
    package86658 (1.0.0)
    package86659 (1.0.0)
    package86660 (1.0.0)
    package86661 (1.0.0)
    package86662 (1.0.0)
    package86663 (1.0.0)
    package86664 (1.0.0)
    package86665 (1.0.0)
    package86666 (1.0.0)
    package86667 (1.0.0)
    package86668 (1.0.0)
    package86669 (1.0.0)
    package86670 (1.0.0)
    package86671 (1.0.0)
    package86672 (1.0.0)
    package86673 (1.0.0)
    package86674 (1.0.0)
    package86675 (1.0.0)
    package86676 (1.0.0)
    package86677 (1.0.0)
    package86678 (1.0.0)
    package86679 (1.0.0)
    package86680 (1.0.0)
    package86681 (1.0.0)
    package86682 (1.0.0)
    package86683 (1.0.0)
    package86684 (1.0.0)
    package86685 (1.0.0)
    package86686 (1.0.0)
    package86687 (1.0.0)
    package86688 (1.0.0)
    package86689 (1.0.0)
    package86690 (1.0.0)
    package86691 (1.0.0)
    package86692 (1.0.0)
    package86693 (1.0.0)
    package86694 (1.0.0)
    package86695 (1.0.0)
    package86696 (1.0.0)
    package86697 (1.0.0)
    package86698 (1.0.0)
    package86699 (1.0.0)
    package86700 (1.0.0)
    package86701 (1.0.0)
    package86702 (1.0.0)
    package86703 (1.0.0)
    package86704 (1.0.0)
    package86705 (1.0.0)
    package86706 (1.0.0)
    package86707 (1.0.0)
    package86708 (1.0.0)
    package86709 (1.0.0)
    package86710 (1.0.0)
    package86711 (1.0.0)
    package86712 (1.0.0)
    package86713 (1.0.0)
    package86714 (1.0.0)
    package86715 (1.0.0)
    package86716 (1.0.0)
    package86717 (1.0.0)
    package86718 (1.0.0)
    package86719 (1.0.0)
    package86720 (1.0.0)
    package86721 (1.0.0)
    package86722 (1.0.0)
    package86723 (1.0.0)
    package86724 (1.0.0)
    package86725 (1.0.0)
    package86726 (1.0.0)
    package86727 (1.0.0)
    package86728 (1.0.0)
    package86729 (1.0.0)
    package86730 (1.0.0)
    package86731 (1.0.0)
    package86732 (1.0.0)
    package86733 (1.0.0)
    package86734 (1.0.0)
    package86735 (1.0.0)
    package86736 (1.0.0)
    package86737 (1.0.0)
    package86738 (1.0.0)
    package86739 (1.0.0)
    package86740 (1.0.0)
    package86741 (1.0.0)
    package86742 (1.0.0)
    package86743 (1.0.0)
    package86744 (1.0.0)
    package86745 (1.0.0)
    package86746 (1.0.0)
    package86747 (1.0.0)
    package86748 (1.0.0)
    package86749 (1.0.0)
    package86750 (1.0.0)
    package86751 (1.0.0)
    package86752 (1.0.0)
    package86753 (1.0.0)
    package86754 (1.0.0)
    package86755 (1.0.0)
    package86756 (1.0.0)
    package86757 (1.0.0)
    package86758 (1.0.0)
    package86759 (1.0.0)
    package86760 (1.0.0)
    package86761 (1.0.0)
    package86762 (1.0.0)
    package86763 (1.0.0)
    package86764 (1.0.0)
    package86765 (1.0.0)
    package86766 (1.0.0)
    package86767 (1.0.0)
    package86768 (1.0.0)
    package86769 (1.0.0)
    package86770 (1.0.0)
    package86771 (1.0.0)
    package86772 (1.0.0)
    package86773 (1.0.0)
    package86774 (1.0.0)
    package86775 (1.0.0)
    package86776 (1.0.0)
    package86777 (1.0.0)
    package86778 (1.0.0)
    package86779 (1.0.0)
    package86780 (1.0.0)
    package86781 (1.0.0)
    package86782 (1.0.0)
    package86783 (1.0.0)
    package86784 (1.0.0)
    package86785 (1.0.0)
    package86786 (1.0.0)
    package86787 (1.0.0)
    package86788 (1.0.0)
    package86789 (1.0.0)
    package86790 (1.0.0)
    package86791 (1.0.0)
    package86792 (1.0.0)
    package86793 (1.0.0)
    package86794 (1.0.0)
    package86795 (1.0.0)
    package86796 (1.0.0)
    package86797 (1.0.0)
    package86798 (1.0.0)
    package86799 (1.0.0)
    package86800 (1.0.0)
    package86801 (1.0.0)
    package86802 (1.0.0)
    package86803 (1.0.0)
    package86804 (1.0.0)
    package86805 (1.0.0)
    package86806 (1.0.0)
    package86807 (1.0.0)
    package86808 (1.0.0)
    package86809 (1.0.0)
    package86810 (1.0.0)
    package86811 (1.0.0)
    package86812 (1.0.0)
    package86813 (1.0.0)
    package86814 (1.0.0)
    package86815 (1.0.0)
    package86816 (1.0.0)
    package86817 (1.0.0)
    package86818 (1.0.0)
    package86819 (1.0.0)
    package86820 (1.0.0)
    package86821 (1.0.0)
    package86822 (1.0.0)
    package86823 (1.0.0)
    package86824 (1.0.0)
    package86825 (1.0.0)
    package86826 (1.0.0)
    package86827 (1.0.0)
    package86828 (1.0.0)
    package86829 (1.0.0)
    package86830 (1.0.0)
    package86831 (1.0.0)
    package86832 (1.0.0)
    package86833 (1.0.0)
    package86834 (1.0.0)
    package86835 (1.0.0)
    package86836 (1.0.0)
    package86837 (1.0.0)
    package86838 (1.0.0)
    package86839 (1.0.0)
    package86840 (1.0.0)
    package86841 (1.0.0)
    package86842 (1.0.0)
    package86843 (1.0.0)
    package86844 (1.0.0)
    package86845 (1.0.0)
    package86846 (1.0.0)
    package86847 (1.0.0)
    package86848 (1.0.0)
    package86849 (1.0.0)
    package86850 (1.0.0)
    package86851 (1.0.0)
    package86852 (1.0.0)
    package86853 (1.0.0)
    package86854 (1.0.0)
    package86855 (1.0.0)
    package86856 (1.0.0)
    package86857 (1.0.0)
    package86858 (1.0.0)
    package86859 (1.0.0)
    package86860 (1.0.0)
    package86861 (1.0.0)
    package86862 (1.0.0)
    package86863 (1.0.0)
    package86864 (1.0.0)
    package86865 (1.0.0)
    package86866 (1.0.0)
    package86867 (1.0.0)
    package86868 (1.0.0)
    package86869 (1.0.0)
    package86870 (1.0.0)
    package86871 (1.0.0)
    package86872 (1.0.0)
    package86873 (1.0.0)
    package86874 (1.0.0)
    package86875 (1.0.0)
    package86876 (1.0.0)
    package86877 (1.0.0)
    package86878 (1.0.0)
    package86879 (1.0.0)
    package86880 (1.0.0)
    package86881 (1.0.0)
    package86882 (1.0.0)
    package86883 (1.0.0)
    package86884 (1.0.0)
    package86885 (1.0.0)
    package86886 (1.0.0)
    package86887 (1.0.0)
    package86888 (1.0.0)
    package86889 (1.0.0)
    package86890 (1.0.0)
    package86891 (1.0.0)
    package86892 (1.0.0)
    package86893 (1.0.0)
    package86894 (1.0.0)
    package86895 (1.0.0)
    package86896 (1.0.0)
    package86897 (1.0.0)
    package86898 (1.0.0)
    package86899 (1.0.0)
    package86900 (1.0.0)
    package86901 (1.0.0)
    package86902 (1.0.0)
    package86903 (1.0.0)
    package86904 (1.0.0)
    package86905 (1.0.0)
    package86906 (1.0.0)
    package86907 (1.0.0)
    package86908 (1.0.0)
    package86909 (1.0.0)
    package86910 (1.0.0)
    package86911 (1.0.0)
    package86912 (1.0.0)
    package86913 (1.0.0)
    package86914 (1.0.0)
    package86915 (1.0.0)
    package86916 (1.0.0)
    package86917 (1.0.0)
    package86918 (1.0.0)
    package86919 (1.0.0)
    package86920 (1.0.0)
    package86921 (1.0.0)
    package86922 (1.0.0)
    package86923 (1.0.0)
    package86924 (1.0.0)
    package86925 (1.0.0)
    package86926 (1.0.0)
    package86927 (1.0.0)
    package86928 (1.0.0)
    package86929 (1.0.0)
    package86930 (1.0.0)
    package86931 (1.0.0)
    package86932 (1.0.0)
    package86933 (1.0.0)
    package86934 (1.0.0)
    package86935 (1.0.0)
    package86936 (1.0.0)
    package86937 (1.0.0)
    package86938 (1.0.0)
    package86939 (1.0.0)
    package86940 (1.0.0)
    package86941 (1.0.0)
    package86942 (1.0.0)
    package86943 (1.0.0)
    package86944 (1.0.0)
    package86945 (1.0.0)
    package86946 (1.0.0)
    package86947 (1.0.0)
    package86948 (1.0.0)
    package86949 (1.0.0)
    package86950 (1.0.0)
    package86951 (1.0.0)
    package86952 (1.0.0)
    package86953 (1.0.0)
    package86954 (1.0.0)
    package86955 (1.0.0)
    package86956 (1.0.0)
    package86957 (1.0.0)
    package86958 (1.0.0)
    package86959 (1.0.0)
    package86960 (1.0.0)
    package86961 (1.0.0)
    package86962 (1.0.0)
    package86963 (1.0.0)
    package86964 (1.0.0)
    package86965 (1.0.0)
    package86966 (1.0.0)
    package86967 (1.0.0)
    package86968 (1.0.0)
    package86969 (1.0.0)
    package86970 (1.0.0)
    package86971 (1.0.0)
    package86972 (1.0.0)
    package86973 (1.0.0)
    package86974 (1.0.0)
    package86975 (1.0.0)
    package86976 (1.0.0)
    package86977 (1.0.0)
    package86978 (1.0.0)
    package86979 (1.0.0)
    package86980 (1.0.0)
    package86981 (1.0.0)
    package86982 (1.0.0)
    package86983 (1.0.0)
    package86984 (1.0.0)
    package86985 (1.0.0)
    package86986 (1.0.0)
    package86987 (1.0.0)
    package86988 (1.0.0)
    package86989 (1.0.0)
    package86990 (1.0.0)
    package86991 (1.0.0)
    package86992 (1.0.0)
    package86993 (1.0.0)
    package86994 (1.0.0)
    package86995 (1.0.0)
    package86996 (1.0.0)
    package86997 (1.0.0)
    package86998 (1.0.0)
    package86999 (1.0.0)
    package87000 (1.0.0)
    package87001 (1.0.0)
    package87002 (1.0.0)
    package87003 (1.0.0)
    package87004 (1.0.0)
    package87005 (1.0.0)
    package87006 (1.0.0)
    package87007 (1.0.0)
    package87008 (1.0.0)
    package87009 (1.0.0)
    package87010 (1.0.0)
    package87011 (1.0.0)
    package87012 (1.0.0)
    package87013 (1.0.0)
    package87014 (1.0.0)
    package87015 (1.0.0)
    package87016 (1.0.0)
    package87017 (1.0.0)
    package87018 (1.0.0)
    package87019 (1.0.0)
    package87020 (1.0.0)
    package87021 (1.0.0)
    package87022 (1.0.0)
    package87023 (1.0.0)
    package87024 (1.0.0)
    package87025 (1.0.0)
    package87026 (1.0.0)
    package87027 (1.0.0)
    package87028 (1.0.0)
    package87029 (1.0.0)
    package87030 (1.0.0)
    package87031 (1.0.0)
    package87032 (1.0.0)
    package87033 (1.0.0)
    package87034 (1.0.0)
    package87035 (1.0.0)
    package87036 (1.0.0)
    package87037 (1.0.0)
    package87038 (1.0.0)
    package87039 (1.0.0)
    package87040 (1.0.0)
    package87041 (1.0.0)
    package87042 (1.0.0)
    package87043 (1.0.0)
    package87044 (1.0.0)
    package87045 (1.0.0)
    package87046 (1.0.0)
    package87047 (1.0.0)
    package87048 (1.0.0)
    package87049 (1.0.0)
    package87050 (1.0.0)
    package87051 (1.0.0)
    package87052 (1.0.0)
    package87053 (1.0.0)
    package87054 (1.0.0)
    package87055 (1.0.0)
    package87056 (1.0.0)
    package87057 (1.0.0)
    package87058 (1.0.0)
    package87059 (1.0.0)
    package87060 (1.0.0)
    package87061 (1.0.0)
    package87062 (1.0.0)
    package87063 (1.0.0)
    package87064 (1.0.0)
    package87065 (1.0.0)
    package87066 (1.0.0)
    package87067 (1.0.0)
    package87068 (1.0.0)
    package87069 (1.0.0)
    package87070 (1.0.0)
    package87071 (1.0.0)
    package87072 (1.0.0)
    package87073 (1.0.0)
    package87074 (1.0.0)
    package87075 (1.0.0)
    package87076 (1.0.0)
    package87077 (1.0.0)
    package87078 (1.0.0)
    package87079 (1.0.0)
    package87080 (1.0.0)
    package87081 (1.0.0)
    package87082 (1.0.0)
    package87083 (1.0.0)
    package87084 (1.0.0)
    package87085 (1.0.0)
    package87086 (1.0.0)
    package87087 (1.0.0)
    package87088 (1.0.0)
    package87089 (1.0.0)
    package87090 (1.0.0)
    package87091 (1.0.0)
    package87092 (1.0.0)
    package87093 (1.0.0)
    package87094 (1.0.0)
    package87095 (1.0.0)
    package87096 (1.0.0)
    package87097 (1.0.0)
    package87098 (1.0.0)
    package87099 (1.0.0)
    package87100 (1.0.0)
    package87101 (1.0.0)
    package87102 (1.0.0)
    package87103 (1.0.0)
    package87104 (1.0.0)
    package87105 (1.0.0)
    package87106 (1.0.0)
    package87107 (1.0.0)
    package87108 (1.0.0)
    package87109 (1.0.0)
    package87110 (1.0.0)
    package87111 (1.0.0)
    package87112 (1.0.0)
    package87113 (1.0.0)
    package87114 (1.0.0)
    package87115 (1.0.0)
    package87116 (1.0.0)
    package87117 (1.0.0)
    package87118 (1.0.0)
    package87119 (1.0.0)
    package87120 (1.0.0)
    package87121 (1.0.0)
    package87122 (1.0.0)
    package87123 (1.0.0)
    package87124 (1.0.0)
    package87125 (1.0.0)
    package87126 (1.0.0)
    package87127 (1.0.0)
    package87128 (1.0.0)
    package87129 (1.0.0)
    package87130 (1.0.0)
    package87131 (1.0.0)
    package87132 (1.0.0)
    package87133 (1.0.0)
    package87134 (1.0.0)
    package87135 (1.0.0)
    package87136 (1.0.0)
    package87137 (1.0.0)
    package87138 (1.0.0)
    package87139 (1.0.0)
    package87140 (1.0.0)
    package87141 (1.0.0)
    package87142 (1.0.0)
    package87143 (1.0.0)
    package87144 (1.0.0)
    package87145 (1.0.0)
    package87146 (1.0.0)
    package87147 (1.0.0)
    package87148 (1.0.0)
    package87149 (1.0.0)
    package87150 (1.0.0)
    package87151 (1.0.0)
    package87152 (1.0.0)
    package87153 (1.0.0)
    package87154 (1.0.0)
    package87155 (1.0.0)
    package87156 (1.0.0)
    package87157 (1.0.0)
    package87158 (1.0.0)
    package87159 (1.0.0)
    package87160 (1.0.0)
    package87161 (1.0.0)
    package87162 (1.0.0)
    package87163 (1.0.0)
    package87164 (1.0.0)
    package87165 (1.0.0)
    package87166 (1.0.0)
    package87167 (1.0.0)
    package87168 (1.0.0)
    package87169 (1.0.0)
    package87170 (1.0.0)
    package87171 (1.0.0)
    package87172 (1.0.0)
    package87173 (1.0.0)
    package87174 (1.0.0)
    package87175 (1.0.0)
    package87176 (1.0.0)
    package87177 (1.0.0)
    package87178 (1.0.0)
    package87179 (1.0.0)
    package87180 (1.0.0)
    package87181 (1.0.0)
    package87182 (1.0.0)
    package87183 (1.0.0)
    package87184 (1.0.0)
    package87185 (1.0.0)
    package87186 (1.0.0)
    package87187 (1.0.0)
    package87188 (1.0.0)
    package87189 (1.0.0)
    package87190 (1.0.0)
    package87191 (1.0.0)
    package87192 (1.0.0)
    package87193 (1.0.0)
    package87194 (1.0.0)
    package87195 (1.0.0)
    package87196 (1.0.0)
    package87197 (1.0.0)
    package87198 (1.0.0)
    package87199 (1.0.0)
    package87200 (1.0.0)
    package87201 (1.0.0)
    package87202 (1.0.0)
    package87203 (1.0.0)
    package87204 (1.0.0)
    package87205 (1.0.0)
    package87206 (1.0.0)
    package87207 (1.0.0)
    package87208 (1.0.0)
    package87209 (1.0.0)
    package87210 (1.0.0)
    package87211 (1.0.0)
    package87212 (1.0.0)
    package87213 (1.0.0)
    package87214 (1.0.0)
    package87215 (1.0.0)
    package87216 (1.0.0)
    package87217 (1.0.0)
    package87218 (1.0.0)
    package87219 (1.0.0)
    package87220 (1.0.0)
    package87221 (1.0.0)
    package87222 (1.0.0)
    package87223 (1.0.0)
    package87224 (1.0.0)
    package87225 (1.0.0)
    package87226 (1.0.0)
    package87227 (1.0.0)
    package87228 (1.0.0)
    package87229 (1.0.0)
    package87230 (1.0.0)
    package87231 (1.0.0)
    package87232 (1.0.0)
    package87233 (1.0.0)
    package87234 (1.0.0)
    package87235 (1.0.0)
    package87236 (1.0.0)
    package87237 (1.0.0)
    package87238 (1.0.0)
    package87239 (1.0.0)
    package87240 (1.0.0)
    package87241 (1.0.0)
    package87242 (1.0.0)
    package87243 (1.0.0)
    package87244 (1.0.0)
    package87245 (1.0.0)
    package87246 (1.0.0)
    package87247 (1.0.0)
    package87248 (1.0.0)
    package87249 (1.0.0)
    package87250 (1.0.0)
    package87251 (1.0.0)
    package87252 (1.0.0)
    package87253 (1.0.0)
    package87254 (1.0.0)
    package87255 (1.0.0)
    package87256 (1.0.0)
    package87257 (1.0.0)
    package87258 (1.0.0)
    package87259 (1.0.0)
    package87260 (1.0.0)
    package87261 (1.0.0)
    package87262 (1.0.0)
    package87263 (1.0.0)
    package87264 (1.0.0)
    package87265 (1.0.0)
    package87266 (1.0.0)
    package87267 (1.0.0)
    package87268 (1.0.0)
    package87269 (1.0.0)
    package87270 (1.0.0)
    package87271 (1.0.0)
    package87272 (1.0.0)
    package87273 (1.0.0)
    package87274 (1.0.0)
    package87275 (1.0.0)
    package87276 (1.0.0)
    package87277 (1.0.0)
    package87278 (1.0.0)
    package87279 (1.0.0)
    package87280 (1.0.0)
    package87281 (1.0.0)
    package87282 (1.0.0)
    package87283 (1.0.0)
    package87284 (1.0.0)
    package87285 (1.0.0)
    package87286 (1.0.0)
    package87287 (1.0.0)
    package87288 (1.0.0)
    package87289 (1.0.0)
    package87290 (1.0.0)
    package87291 (1.0.0)
    package87292 (1.0.0)
    package87293 (1.0.0)
    package87294 (1.0.0)
    package87295 (1.0.0)
    package87296 (1.0.0)
    package87297 (1.0.0)
    package87298 (1.0.0)
    package87299 (1.0.0)
    package87300 (1.0.0)
    package87301 (1.0.0)
    package87302 (1.0.0)
    package87303 (1.0.0)
    package87304 (1.0.0)
    package87305 (1.0.0)
    package87306 (1.0.0)
    package87307 (1.0.0)
    package87308 (1.0.0)
    package87309 (1.0.0)
    package87310 (1.0.0)
    package87311 (1.0.0)
    package87312 (1.0.0)
    package87313 (1.0.0)
    package87314 (1.0.0)
    package87315 (1.0.0)
    package87316 (1.0.0)
    package87317 (1.0.0)
    package87318 (1.0.0)
    package87319 (1.0.0)
    package87320 (1.0.0)
    package87321 (1.0.0)
    package87322 (1.0.0)
    package87323 (1.0.0)
    package87324 (1.0.0)
    package87325 (1.0.0)
    package87326 (1.0.0)
    package87327 (1.0.0)
    package87328 (1.0.0)
    package87329 (1.0.0)
    package87330 (1.0.0)
    package87331 (1.0.0)
    package87332 (1.0.0)
    package87333 (1.0.0)
    package87334 (1.0.0)
    package87335 (1.0.0)
    package87336 (1.0.0)
    package87337 (1.0.0)
    package87338 (1.0.0)
    package87339 (1.0.0)
    package87340 (1.0.0)
    package87341 (1.0.0)
    package87342 (1.0.0)
    package87343 (1.0.0)
    package87344 (1.0.0)
    package87345 (1.0.0)
    package87346 (1.0.0)
    package87347 (1.0.0)
    package87348 (1.0.0)
    package87349 (1.0.0)
    package87350 (1.0.0)
    package87351 (1.0.0)
    package87352 (1.0.0)
    package87353 (1.0.0)
    package87354 (1.0.0)
    package87355 (1.0.0)
    package87356 (1.0.0)
    package87357 (1.0.0)
    package87358 (1.0.0)
    package87359 (1.0.0)
    package87360 (1.0.0)
    package87361 (1.0.0)
    package87362 (1.0.0)
    package87363 (1.0.0)
    package87364 (1.0.0)
    package87365 (1.0.0)
    package87366 (1.0.0)
    package87367 (1.0.0)
    package87368 (1.0.0)
    package87369 (1.0.0)
    package87370 (1.0.0)
    package87371 (1.0.0)
    package87372 (1.0.0)
    package87373 (1.0.0)
    package87374 (1.0.0)
    package87375 (1.0.0)
    package87376 (1.0.0)
    package87377 (1.0.0)
    package87378 (1.0.0)
    package87379 (1.0.0)
    package87380 (1.0.0)
    package87381 (1.0.0)
    package87382 (1.0.0)
    package87383 (1.0.0)
    package87384 (1.0.0)
    package87385 (1.0.0)
    package87386 (1.0.0)
    package87387 (1.0.0)
    package87388 (1.0.0)
    package87389 (1.0.0)
    package87390 (1.0.0)
    package87391 (1.0.0)
    package87392 (1.0.0)
    package87393 (1.0.0)
    package87394 (1.0.0)
    package87395 (1.0.0)
    package87396 (1.0.0)
    package87397 (1.0.0)
    package87398 (1.0.0)
    package87399 (1.0.0)
    package87400 (1.0.0)
    package87401 (1.0.0)
    package87402 (1.0.0)
    package87403 (1.0.0)
    package87404 (1.0.0)
    package87405 (1.0.0)
    package87406 (1.0.0)
    package87407 (1.0.0)
    package87408 (1.0.0)
    package87409 (1.0.0)
    package87410 (1.0.0)
    package87411 (1.0.0)
    package87412 (1.0.0)
    package87413 (1.0.0)
    package87414 (1.0.0)
    package87415 (1.0.0)
    package87416 (1.0.0)
    package87417 (1.0.0)
    package87418 (1.0.0)
    package87419 (1.0.0)
    package87420 (1.0.0)
    package87421 (1.0.0)
    package87422 (1.0.0)
    package87423 (1.0.0)
    package87424 (1.0.0)
    package87425 (1.0.0)
    package87426 (1.0.0)
    package87427 (1.0.0)
    package87428 (1.0.0)
    package87429 (1.0.0)
    package87430 (1.0.0)
    package87431 (1.0.0)
    package87432 (1.0.0)
    package87433 (1.0.0)
    package87434 (1.0.0)
    package87435 (1.0.0)
    package87436 (1.0.0)
    package87437 (1.0.0)
    package87438 (1.0.0)
    package87439 (1.0.0)
    package87440 (1.0.0)
    package87441 (1.0.0)
    package87442 (1.0.0)
    package87443 (1.0.0)
    package87444 (1.0.0)
    package87445 (1.0.0)
    package87446 (1.0.0)
    package87447 (1.0.0)
    package87448 (1.0.0)
    package87449 (1.0.0)
    package87450 (1.0.0)
    package87451 (1.0.0)
    package87452 (1.0.0)
    package87453 (1.0.0)
    package87454 (1.0.0)
    package87455 (1.0.0)
    package87456 (1.0.0)
    package87457 (1.0.0)
    package87458 (1.0.0)
    package87459 (1.0.0)
    package87460 (1.0.0)
    package87461 (1.0.0)
    package87462 (1.0.0)
    package87463 (1.0.0)
    package87464 (1.0.0)
    package87465 (1.0.0)
    package87466 (1.0.0)
    package87467 (1.0.0)
    package87468 (1.0.0)
    package87469 (1.0.0)
    package87470 (1.0.0)
    package87471 (1.0.0)
    package87472 (1.0.0)
    package87473 (1.0.0)
    package87474 (1.0.0)
    package87475 (1.0.0)
    package87476 (1.0.0)
    package87477 (1.0.0)
    package87478 (1.0.0)
    package87479 (1.0.0)
    package87480 (1.0.0)
    package87481 (1.0.0)
    package87482 (1.0.0)
    package87483 (1.0.0)
    package87484 (1.0.0)
    package87485 (1.0.0)
    package87486 (1.0.0)
    package87487 (1.0.0)
    package87488 (1.0.0)
    package87489 (1.0.0)
    package87490 (1.0.0)
    package87491 (1.0.0)
    package87492 (1.0.0)
    package87493 (1.0.0)
    package87494 (1.0.0)
    package87495 (1.0.0)
    package87496 (1.0.0)
    package87497 (1.0.0)
    package87498 (1.0.0)
    package87499 (1.0.0)
    package87500 (1.0.0)
    package87501 (1.0.0)
    package87502 (1.0.0)
    package87503 (1.0.0)
    package87504 (1.0.0)
    package87505 (1.0.0)
    package87506 (1.0.0)
    package87507 (1.0.0)
    package87508 (1.0.0)
    package87509 (1.0.0)
    package87510 (1.0.0)
    package87511 (1.0.0)
    package87512 (1.0.0)
    package87513 (1.0.0)
    package87514 (1.0.0)
    package87515 (1.0.0)
    package87516 (1.0.0)
    package87517 (1.0.0)
    package87518 (1.0.0)
    package87519 (1.0.0)
    package87520 (1.0.0)
    package87521 (1.0.0)
    package87522 (1.0.0)
    package87523 (1.0.0)
    package87524 (1.0.0)
    package87525 (1.0.0)
    package87526 (1.0.0)
    package87527 (1.0.0)
    package87528 (1.0.0)
    package87529 (1.0.0)
    package87530 (1.0.0)
    package87531 (1.0.0)
    package87532 (1.0.0)
    package87533 (1.0.0)
    package87534 (1.0.0)
    package87535 (1.0.0)
    package87536 (1.0.0)
    package87537 (1.0.0)
    package87538 (1.0.0)
    package87539 (1.0.0)
    package87540 (1.0.0)
    package87541 (1.0.0)
    package87542 (1.0.0)
    package87543 (1.0.0)
    package87544 (1.0.0)
    package87545 (1.0.0)
    package87546 (1.0.0)
    package87547 (1.0.0)
    package87548 (1.0.0)
    package87549 (1.0.0)
    package87550 (1.0.0)
    package87551 (1.0.0)
    package87552 (1.0.0)
    package87553 (1.0.0)
    package87554 (1.0.0)
    package87555 (1.0.0)
    package87556 (1.0.0)
    package87557 (1.0.0)
    package87558 (1.0.0)
    package87559 (1.0.0)
    package87560 (1.0.0)
    package87561 (1.0.0)
    package87562 (1.0.0)
    package87563 (1.0.0)
    package87564 (1.0.0)
    package87565 (1.0.0)
    package87566 (1.0.0)
    package87567 (1.0.0)
    package87568 (1.0.0)
    package87569 (1.0.0)
    package87570 (1.0.0)
    package87571 (1.0.0)
    package87572 (1.0.0)
    package87573 (1.0.0)
    package87574 (1.0.0)
    package87575 (1.0.0)
    package87576 (1.0.0)
    package87577 (1.0.0)
    package87578 (1.0.0)
    package87579 (1.0.0)
    package87580 (1.0.0)
    package87581 (1.0.0)
    package87582 (1.0.0)
    package87583 (1.0.0)
    package87584 (1.0.0)
    package87585 (1.0.0)
    package87586 (1.0.0)
    package87587 (1.0.0)
    package87588 (1.0.0)
    package87589 (1.0.0)
    package87590 (1.0.0)
    package87591 (1.0.0)
    package87592 (1.0.0)
    package87593 (1.0.0)
    package87594 (1.0.0)
    package87595 (1.0.0)
    package87596 (1.0.0)
    package87597 (1.0.0)
    package87598 (1.0.0)
    package87599 (1.0.0)
    package87600 (1.0.0)
    package87601 (1.0.0)
    package87602 (1.0.0)
    package87603 (1.0.0)
    package87604 (1.0.0)
    package87605 (1.0.0)
    package87606 (1.0.0)
    package87607 (1.0.0)
    package87608 (1.0.0)
    package87609 (1.0.0)
    package87610 (1.0.0)
    package87611 (1.0.0)
    package87612 (1.0.0)
    package87613 (1.0.0)
    package87614 (1.0.0)
    package87615 (1.0.0)
    package87616 (1.0.0)
    package87617 (1.0.0)
    package87618 (1.0.0)
    package87619 (1.0.0)
    package87620 (1.0.0)
    package87621 (1.0.0)
    package87622 (1.0.0)
    package87623 (1.0.0)
    package87624 (1.0.0)
    package87625 (1.0.0)
    package87626 (1.0.0)
    package87627 (1.0.0)
    package87628 (1.0.0)
    package87629 (1.0.0)
    package87630 (1.0.0)
    package87631 (1.0.0)
    package87632 (1.0.0)
    package87633 (1.0.0)
    package87634 (1.0.0)
    package87635 (1.0.0)
    package87636 (1.0.0)
    package87637 (1.0.0)
    package87638 (1.0.0)
    package87639 (1.0.0)
    package87640 (1.0.0)
    package87641 (1.0.0)
    package87642 (1.0.0)
    package87643 (1.0.0)
    package87644 (1.0.0)
    package87645 (1.0.0)
    package87646 (1.0.0)
    package87647 (1.0.0)
    package87648 (1.0.0)
    package87649 (1.0.0)
    package87650 (1.0.0)
    package87651 (1.0.0)
    package87652 (1.0.0)
    package87653 (1.0.0)
    package87654 (1.0.0)
    package87655 (1.0.0)
    package87656 (1.0.0)
    package87657 (1.0.0)
    package87658 (1.0.0)
    package87659 (1.0.0)
    package87660 (1.0.0)
    package87661 (1.0.0)
    package87662 (1.0.0)
    package87663 (1.0.0)
    package87664 (1.0.0)
    package87665 (1.0.0)
    package87666 (1.0.0)
    package87667 (1.0.0)
    package87668 (1.0.0)
    package87669 (1.0.0)
    package87670 (1.0.0)
    package87671 (1.0.0)
    package87672 (1.0.0)
    package87673 (1.0.0)
    package87674 (1.0.0)
    package87675 (1.0.0)
    package87676 (1.0.0)
    package87677 (1.0.0)
    package87678 (1.0.0)
    package87679 (1.0.0)
    package87680 (1.0.0)
    package87681 (1.0.0)
    package87682 (1.0.0)
    package87683 (1.0.0)
    package87684 (1.0.0)
    package87685 (1.0.0)
    package87686 (1.0.0)
    package87687 (1.0.0)
    package87688 (1.0.0)
    package87689 (1.0.0)
    package87690 (1.0.0)
    package87691 (1.0.0)
    package87692 (1.0.0)
    package87693 (1.0.0)
    package87694 (1.0.0)
    package87695 (1.0.0)
    package87696 (1.0.0)
    package87697 (1.0.0)
    package87698 (1.0.0)
    package87699 (1.0.0)
    package87700 (1.0.0)
    package87701 (1.0.0)
    package87702 (1.0.0)
    package87703 (1.0.0)
    package87704 (1.0.0)
    package87705 (1.0.0)
    package87706 (1.0.0)
    package87707 (1.0.0)
    package87708 (1.0.0)
    package87709 (1.0.0)
    package87710 (1.0.0)
    package87711 (1.0.0)
    package87712 (1.0.0)
    package87713 (1.0.0)
    package87714 (1.0.0)
    package87715 (1.0.0)
    package87716 (1.0.0)
    package87717 (1.0.0)
    package87718 (1.0.0)
    package87719 (1.0.0)
    package87720 (1.0.0)
    package87721 (1.0.0)
    package87722 (1.0.0)
    package87723 (1.0.0)
    package87724 (1.0.0)
    package87725 (1.0.0)
    package87726 (1.0.0)
    package87727 (1.0.0)
    package87728 (1.0.0)
    package87729 (1.0.0)
    package87730 (1.0.0)
    package87731 (1.0.0)
    package87732 (1.0.0)
    package87733 (1.0.0)
    package87734 (1.0.0)
    package87735 (1.0.0)
    package87736 (1.0.0)
    package87737 (1.0.0)
    package87738 (1.0.0)
    package87739 (1.0.0)
    package87740 (1.0.0)
    package87741 (1.0.0)
    package87742 (1.0.0)
    package87743 (1.0.0)
    package87744 (1.0.0)
    package87745 (1.0.0)
    package87746 (1.0.0)
    package87747 (1.0.0)
    package87748 (1.0.0)
    package87749 (1.0.0)
    package87750 (1.0.0)
    package87751 (1.0.0)
    package87752 (1.0.0)
    package87753 (1.0.0)
    package87754 (1.0.0)
    package87755 (1.0.0)
    package87756 (1.0.0)
    package87757 (1.0.0)
    package87758 (1.0.0)
    package87759 (1.0.0)
    package87760 (1.0.0)
    package87761 (1.0.0)
    package87762 (1.0.0)
    package87763 (1.0.0)
    package87764 (1.0.0)
    package87765 (1.0.0)
    package87766 (1.0.0)
    package87767 (1.0.0)
    package87768 (1.0.0)
    package87769 (1.0.0)
    package87770 (1.0.0)
    package87771 (1.0.0)
    package87772 (1.0.0)
    package87773 (1.0.0)
    package87774 (1.0.0)
    package87775 (1.0.0)
    package87776 (1.0.0)
    package87777 (1.0.0)
    package87778 (1.0.0)
    package87779 (1.0.0)
    package87780 (1.0.0)
    package87781 (1.0.0)
    package87782 (1.0.0)
    package87783 (1.0.0)
    package87784 (1.0.0)
    package87785 (1.0.0)
    package87786 (1.0.0)
    package87787 (1.0.0)
    package87788 (1.0.0)
    package87789 (1.0.0)
    package87790 (1.0.0)
    package87791 (1.0.0)
    package87792 (1.0.0)
    package87793 (1.0.0)
    package87794 (1.0.0)
    package87795 (1.0.0)
    package87796 (1.0.0)
    package87797 (1.0.0)
    package87798 (1.0.0)
    package87799 (1.0.0)
    package87800 (1.0.0)
    package87801 (1.0.0)
    package87802 (1.0.0)
    package87803 (1.0.0)
    package87804 (1.0.0)
    package87805 (1.0.0)
    package87806 (1.0.0)
    package87807 (1.0.0)
    package87808 (1.0.0)
    package87809 (1.0.0)
    package87810 (1.0.0)
    package87811 (1.0.0)
    package87812 (1.0.0)
    package87813 (1.0.0)
    package87814 (1.0.0)
    package87815 (1.0.0)
    package87816 (1.0.0)
    package87817 (1.0.0)
    package87818 (1.0.0)
    package87819 (1.0.0)
    package87820 (1.0.0)
    package87821 (1.0.0)
    package87822 (1.0.0)
    package87823 (1.0.0)
    package87824 (1.0.0)
    package87825 (1.0.0)
    package87826 (1.0.0)
    package87827 (1.0.0)
    package87828 (1.0.0)
    package87829 (1.0.0)
    package87830 (1.0.0)
    package87831 (1.0.0)
    package87832 (1.0.0)
    package87833 (1.0.0)
    package87834 (1.0.0)
    package87835 (1.0.0)
    package87836 (1.0.0)
    package87837 (1.0.0)
    package87838 (1.0.0)
    package87839 (1.0.0)
    package87840 (1.0.0)
    package87841 (1.0.0)
    package87842 (1.0.0)
    package87843 (1.0.0)
    package87844 (1.0.0)
    package87845 (1.0.0)
    package87846 (1.0.0)
    package87847 (1.0.0)
    package87848 (1.0.0)
    package87849 (1.0.0)
    package87850 (1.0.0)
    package87851 (1.0.0)
    package87852 (1.0.0)
    package87853 (1.0.0)
    package87854 (1.0.0)
    package87855 (1.0.0)
    package87856 (1.0.0)
    package87857 (1.0.0)
    package87858 (1.0.0)
    package87859 (1.0.0)
    package87860 (1.0.0)
    package87861 (1.0.0)
    package87862 (1.0.0)
    package87863 (1.0.0)
    package87864 (1.0.0)
    package87865 (1.0.0)
    package87866 (1.0.0)
    package87867 (1.0.0)
    package87868 (1.0.0)
    package87869 (1.0.0)
    package87870 (1.0.0)
    package87871 (1.0.0)
    package87872 (1.0.0)
    package87873 (1.0.0)
    package87874 (1.0.0)
    package87875 (1.0.0)
    package87876 (1.0.0)
    package87877 (1.0.0)
    package87878 (1.0.0)
    package87879 (1.0.0)
    package87880 (1.0.0)
    package87881 (1.0.0)
    package87882 (1.0.0)
    package87883 (1.0.0)
    package87884 (1.0.0)
    package87885 (1.0.0)
    package87886 (1.0.0)
    package87887 (1.0.0)
    package87888 (1.0.0)
    package87889 (1.0.0)
    package87890 (1.0.0)
    package87891 (1.0.0)
    package87892 (1.0.0)
    package87893 (1.0.0)
    package87894 (1.0.0)
    package87895 (1.0.0)
    package87896 (1.0.0)
    package87897 (1.0.0)
    package87898 (1.0.0)
    package87899 (1.0.0)
    package87900 (1.0.0)
    package87901 (1.0.0)
    package87902 (1.0.0)
    package87903 (1.0.0)
    package87904 (1.0.0)
    package87905 (1.0.0)
    package87906 (1.0.0)
    package87907 (1.0.0)
    package87908 (1.0.0)
    package87909 (1.0.0)
    package87910 (1.0.0)
    package87911 (1.0.0)
    package87912 (1.0.0)
    package87913 (1.0.0)
    package87914 (1.0.0)
    package87915 (1.0.0)
    package87916 (1.0.0)
    package87917 (1.0.0)
    package87918 (1.0.0)
    package87919 (1.0.0)
    package87920 (1.0.0)
    package87921 (1.0.0)
    package87922 (1.0.0)
    package87923 (1.0.0)
    package87924 (1.0.0)
    package87925 (1.0.0)
    package87926 (1.0.0)
    package87927 (1.0.0)
    package87928 (1.0.0)
    package87929 (1.0.0)
    package87930 (1.0.0)
    package87931 (1.0.0)
    package87932 (1.0.0)
    package87933 (1.0.0)
    package87934 (1.0.0)
    package87935 (1.0.0)
    package87936 (1.0.0)
    package87937 (1.0.0)
    package87938 (1.0.0)
    package87939 (1.0.0)
    package87940 (1.0.0)
    package87941 (1.0.0)
    package87942 (1.0.0)
    package87943 (1.0.0)
    package87944 (1.0.0)
    package87945 (1.0.0)
    package87946 (1.0.0)
    package87947 (1.0.0)
    package87948 (1.0.0)
    package87949 (1.0.0)
    package87950 (1.0.0)
    package87951 (1.0.0)
    package87952 (1.0.0)
    package87953 (1.0.0)
    package87954 (1.0.0)
    package87955 (1.0.0)
    package87956 (1.0.0)
    package87957 (1.0.0)
    package87958 (1.0.0)
    package87959 (1.0.0)
    package87960 (1.0.0)
    package87961 (1.0.0)
    package87962 (1.0.0)
    package87963 (1.0.0)
    package87964 (1.0.0)
    package87965 (1.0.0)
    package87966 (1.0.0)
    package87967 (1.0.0)
    package87968 (1.0.0)
    package87969 (1.0.0)
    package87970 (1.0.0)
    package87971 (1.0.0)
    package87972 (1.0.0)
    package87973 (1.0.0)
    package87974 (1.0.0)
    package87975 (1.0.0)
    package87976 (1.0.0)
    package87977 (1.0.0)
    package87978 (1.0.0)
    package87979 (1.0.0)
    package87980 (1.0.0)
    package87981 (1.0.0)
    package87982 (1.0.0)
    package87983 (1.0.0)
    package87984 (1.0.0)
    package87985 (1.0.0)
    package87986 (1.0.0)
    package87987 (1.0.0)
    package87988 (1.0.0)
    package87989 (1.0.0)
    package87990 (1.0.0)
    package87991 (1.0.0)
    package87992 (1.0.0)
    package87993 (1.0.0)
    package87994 (1.0.0)
    package87995 (1.0.0)
    package87996 (1.0.0)
    package87997 (1.0.0)
    package87998 (1.0.0)
    package87999 (1.0.0)
    package88000 (1.0.0)
    package88001 (1.0.0)
    package88002 (1.0.0)
    package88003 (1.0.0)
    package88004 (1.0.0)
    package88005 (1.0.0)
    package88006 (1.0.0)
    package88007 (1.0.0)
    package88008 (1.0.0)
    package88009 (1.0.0)
    package88010 (1.0.0)
    package88011 (1.0.0)
    package88012 (1.0.0)
    package88013 (1.0.0)
    package88014 (1.0.0)
    package88015 (1.0.0)
    package88016 (1.0.0)
    package88017 (1.0.0)
    package88018 (1.0.0)
    package88019 (1.0.0)
    package88020 (1.0.0)
    package88021 (1.0.0)
    package88022 (1.0.0)
    package88023 (1.0.0)
    package88024 (1.0.0)
    package88025 (1.0.0)
    package88026 (1.0.0)
    package88027 (1.0.0)
    package88028 (1.0.0)
    package88029 (1.0.0)
    package88030 (1.0.0)
    package88031 (1.0.0)
    package88032 (1.0.0)
    package88033 (1.0.0)
    package88034 (1.0.0)
    package88035 (1.0.0)
    package88036 (1.0.0)
    package88037 (1.0.0)
    package88038 (1.0.0)
    package88039 (1.0.0)
    package88040 (1.0.0)
    package88041 (1.0.0)
    package88042 (1.0.0)
    package88043 (1.0.0)
    package88044 (1.0.0)
    package88045 (1.0.0)
    package88046 (1.0.0)
    package88047 (1.0.0)
    package88048 (1.0.0)
    package88049 (1.0.0)
    package88050 (1.0.0)
    package88051 (1.0.0)
    package88052 (1.0.0)
    package88053 (1.0.0)
    package88054 (1.0.0)
    package88055 (1.0.0)
    package88056 (1.0.0)
    package88057 (1.0.0)
    package88058 (1.0.0)
    package88059 (1.0.0)
    package88060 (1.0.0)
    package88061 (1.0.0)
    package88062 (1.0.0)
    package88063 (1.0.0)
    package88064 (1.0.0)
    package88065 (1.0.0)
    package88066 (1.0.0)
    package88067 (1.0.0)
    package88068 (1.0.0)
    package88069 (1.0.0)
    package88070 (1.0.0)
    package88071 (1.0.0)
    package88072 (1.0.0)
    package88073 (1.0.0)
    package88074 (1.0.0)
    package88075 (1.0.0)
    package88076 (1.0.0)
    package88077 (1.0.0)
    package88078 (1.0.0)
    package88079 (1.0.0)
    package88080 (1.0.0)
    package88081 (1.0.0)
    package88082 (1.0.0)
    package88083 (1.0.0)
    package88084 (1.0.0)
    package88085 (1.0.0)
    package88086 (1.0.0)
    package88087 (1.0.0)
    package88088 (1.0.0)
    package88089 (1.0.0)
    package88090 (1.0.0)
    package88091 (1.0.0)
    package88092 (1.0.0)
    package88093 (1.0.0)
    package88094 (1.0.0)
    package88095 (1.0.0)
    package88096 (1.0.0)
    package88097 (1.0.0)
    package88098 (1.0.0)
    package88099 (1.0.0)
    package88100 (1.0.0)
    package88101 (1.0.0)
    package88102 (1.0.0)
    package88103 (1.0.0)
    package88104 (1.0.0)
    package88105 (1.0.0)
    package88106 (1.0.0)
    package88107 (1.0.0)
    package88108 (1.0.0)
    package88109 (1.0.0)
    package88110 (1.0.0)
    package88111 (1.0.0)
    package88112 (1.0.0)
    package88113 (1.0.0)
    package88114 (1.0.0)
    package88115 (1.0.0)
    package88116 (1.0.0)
    package88117 (1.0.0)
    package88118 (1.0.0)
    package88119 (1.0.0)
    package88120 (1.0.0)
    package88121 (1.0.0)
    package88122 (1.0.0)
    package88123 (1.0.0)
    package88124 (1.0.0)
    package88125 (1.0.0)
    package88126 (1.0.0)
    package88127 (1.0.0)
    package88128 (1.0.0)
    package88129 (1.0.0)
    package88130 (1.0.0)
    package88131 (1.0.0)
    package88132 (1.0.0)
    package88133 (1.0.0)
    package88134 (1.0.0)
    package88135 (1.0.0)
    package88136 (1.0.0)
    package88137 (1.0.0)
    package88138 (1.0.0)
    package88139 (1.0.0)
    package88140 (1.0.0)
    package88141 (1.0.0)
    package88142 (1.0.0)
    package88143 (1.0.0)
    package88144 (1.0.0)
    package88145 (1.0.0)
    package88146 (1.0.0)
    package88147 (1.0.0)
    package88148 (1.0.0)
    package88149 (1.0.0)
    package88150 (1.0.0)
    package88151 (1.0.0)
    package88152 (1.0.0)
    package88153 (1.0.0)
    package88154 (1.0.0)
    package88155 (1.0.0)
    package88156 (1.0.0)
    package88157 (1.0.0)
    package88158 (1.0.0)
    package88159 (1.0.0)
    package88160 (1.0.0)
    package88161 (1.0.0)
    package88162 (1.0.0)
    package88163 (1.0.0)
    package88164 (1.0.0)
    package88165 (1.0.0)
    package88166 (1.0.0)
    package88167 (1.0.0)
    package88168 (1.0.0)
    package88169 (1.0.0)
    package88170 (1.0.0)
    package88171 (1.0.0)
    package88172 (1.0.0)
    package88173 (1.0.0)
    package88174 (1.0.0)
    package88175 (1.0.0)
    package88176 (1.0.0)
    package88177 (1.0.0)
    package88178 (1.0.0)
    package88179 (1.0.0)
    package88180 (1.0.0)
    package88181 (1.0.0)
    package88182 (1.0.0)
    package88183 (1.0.0)
    package88184 (1.0.0)
    package88185 (1.0.0)
    package88186 (1.0.0)
    package88187 (1.0.0)
    package88188 (1.0.0)
    package88189 (1.0.0)
    package88190 (1.0.0)
    package88191 (1.0.0)
    package88192 (1.0.0)
    package88193 (1.0.0)
    package88194 (1.0.0)
    package88195 (1.0.0)
    package88196 (1.0.0)
    package88197 (1.0.0)
    package88198 (1.0.0)
    package88199 (1.0.0)
    package88200 (1.0.0)
    package88201 (1.0.0)
    package88202 (1.0.0)
    package88203 (1.0.0)
    package88204 (1.0.0)
    package88205 (1.0.0)
    package88206 (1.0.0)
    package88207 (1.0.0)
    package88208 (1.0.0)
    package88209 (1.0.0)
    package88210 (1.0.0)
    package88211 (1.0.0)
    package88212 (1.0.0)
    package88213 (1.0.0)
    package88214 (1.0.0)
    package88215 (1.0.0)
    package88216 (1.0.0)
    package88217 (1.0.0)
    package88218 (1.0.0)
    package88219 (1.0.0)
    package88220 (1.0.0)
    package88221 (1.0.0)
    package88222 (1.0.0)
    package88223 (1.0.0)
    package88224 (1.0.0)
    package88225 (1.0.0)
    package88226 (1.0.0)
    package88227 (1.0.0)
    package88228 (1.0.0)
    package88229 (1.0.0)
    package88230 (1.0.0)
    package88231 (1.0.0)
    package88232 (1.0.0)
    package88233 (1.0.0)
    package88234 (1.0.0)
    package88235 (1.0.0)
    package88236 (1.0.0)
    package88237 (1.0.0)
    package88238 (1.0.0)
    package88239 (1.0.0)
    package88240 (1.0.0)
    package88241 (1.0.0)
    package88242 (1.0.0)
    package88243 (1.0.0)
    package88244 (1.0.0)
    package88245 (1.0.0)
    package88246 (1.0.0)
    package88247 (1.0.0)
    package88248 (1.0.0)
    package88249 (1.0.0)
    package88250 (1.0.0)
    package88251 (1.0.0)
    package88252 (1.0.0)
    package88253 (1.0.0)
    package88254 (1.0.0)
    package88255 (1.0.0)
    package88256 (1.0.0)
    package88257 (1.0.0)
    package88258 (1.0.0)
    package88259 (1.0.0)
    package88260 (1.0.0)
    package88261 (1.0.0)
    package88262 (1.0.0)
    package88263 (1.0.0)
    package88264 (1.0.0)
    package88265 (1.0.0)
    package88266 (1.0.0)
    package88267 (1.0.0)
    package88268 (1.0.0)
    package88269 (1.0.0)
    package88270 (1.0.0)
    package88271 (1.0.0)
    package88272 (1.0.0)
    package88273 (1.0.0)
    package88274 (1.0.0)
    package88275 (1.0.0)
    package88276 (1.0.0)
    package88277 (1.0.0)
    package88278 (1.0.0)
    package88279 (1.0.0)
    package88280 (1.0.0)
    package88281 (1.0.0)
    package88282 (1.0.0)
    package88283 (1.0.0)
    package88284 (1.0.0)
    package88285 (1.0.0)
    package88286 (1.0.0)
    package88287 (1.0.0)
    package88288 (1.0.0)
    package88289 (1.0.0)
    package88290 (1.0.0)
    package88291 (1.0.0)
    package88292 (1.0.0)
    package88293 (1.0.0)
    package88294 (1.0.0)
    package88295 (1.0.0)
    package88296 (1.0.0)
    package88297 (1.0.0)
    package88298 (1.0.0)
    package88299 (1.0.0)
    package88300 (1.0.0)
    package88301 (1.0.0)
    package88302 (1.0.0)
    package88303 (1.0.0)
    package88304 (1.0.0)
    package88305 (1.0.0)
    package88306 (1.0.0)
    package88307 (1.0.0)
    package88308 (1.0.0)
    package88309 (1.0.0)
    package88310 (1.0.0)
    package88311 (1.0.0)
    package88312 (1.0.0)
    package88313 (1.0.0)
    package88314 (1.0.0)
    package88315 (1.0.0)
    package88316 (1.0.0)
    package88317 (1.0.0)
    package88318 (1.0.0)
    package88319 (1.0.0)
    package88320 (1.0.0)
    package88321 (1.0.0)
    package88322 (1.0.0)
    package88323 (1.0.0)
    package88324 (1.0.0)
    package88325 (1.0.0)
    package88326 (1.0.0)
    package88327 (1.0.0)
    package88328 (1.0.0)
    package88329 (1.0.0)
    package88330 (1.0.0)
    package88331 (1.0.0)
    package88332 (1.0.0)
    package88333 (1.0.0)
    package88334 (1.0.0)
    package88335 (1.0.0)
    package88336 (1.0.0)
    package88337 (1.0.0)
    package88338 (1.0.0)
    package88339 (1.0.0)
    package88340 (1.0.0)
    package88341 (1.0.0)
    package88342 (1.0.0)
    package88343 (1.0.0)
    package88344 (1.0.0)
    package88345 (1.0.0)
    package88346 (1.0.0)
    package88347 (1.0.0)
    package88348 (1.0.0)
    package88349 (1.0.0)
    package88350 (1.0.0)
    package88351 (1.0.0)
    package88352 (1.0.0)
    package88353 (1.0.0)
    package88354 (1.0.0)
    package88355 (1.0.0)
    package88356 (1.0.0)
    package88357 (1.0.0)
    package88358 (1.0.0)
    package88359 (1.0.0)
    package88360 (1.0.0)
    package88361 (1.0.0)
    package88362 (1.0.0)
    package88363 (1.0.0)
    package88364 (1.0.0)
    package88365 (1.0.0)
    package88366 (1.0.0)
    package88367 (1.0.0)
    package88368 (1.0.0)
    package88369 (1.0.0)
    package88370 (1.0.0)
    package88371 (1.0.0)
    package88372 (1.0.0)
    package88373 (1.0.0)
    package88374 (1.0.0)
    package88375 (1.0.0)
    package88376 (1.0.0)
    package88377 (1.0.0)
    package88378 (1.0.0)
    package88379 (1.0.0)
    package88380 (1.0.0)
    package88381 (1.0.0)
    package88382 (1.0.0)
    package88383 (1.0.0)
    package88384 (1.0.0)
    package88385 (1.0.0)
    package88386 (1.0.0)
    package88387 (1.0.0)
    package88388 (1.0.0)
    package88389 (1.0.0)
    package88390 (1.0.0)
    package88391 (1.0.0)
    package88392 (1.0.0)
    package88393 (1.0.0)
    package88394 (1.0.0)
    package88395 (1.0.0)
    package88396 (1.0.0)
    package88397 (1.0.0)
    package88398 (1.0.0)
    package88399 (1.0.0)
    package88400 (1.0.0)
    package88401 (1.0.0)
    package88402 (1.0.0)
    package88403 (1.0.0)
    package88404 (1.0.0)
    package88405 (1.0.0)
    package88406 (1.0.0)
    package88407 (1.0.0)
    package88408 (1.0.0)
    package88409 (1.0.0)
    package88410 (1.0.0)
    package88411 (1.0.0)
    package88412 (1.0.0)
    package88413 (1.0.0)
    package88414 (1.0.0)
    package88415 (1.0.0)
    package88416 (1.0.0)
    package88417 (1.0.0)
    package88418 (1.0.0)
    package88419 (1.0.0)
    package88420 (1.0.0)
    package88421 (1.0.0)
    package88422 (1.0.0)
    package88423 (1.0.0)
    package88424 (1.0.0)
    package88425 (1.0.0)
    package88426 (1.0.0)
    package88427 (1.0.0)
    package88428 (1.0.0)
    package88429 (1.0.0)
    package88430 (1.0.0)
    package88431 (1.0.0)
    package88432 (1.0.0)
    package88433 (1.0.0)
    package88434 (1.0.0)
    package88435 (1.0.0)
    package88436 (1.0.0)
    package88437 (1.0.0)
    package88438 (1.0.0)
    package88439 (1.0.0)
    package88440 (1.0.0)
    package88441 (1.0.0)
    package88442 (1.0.0)
    package88443 (1.0.0)
    package88444 (1.0.0)
    package88445 (1.0.0)
    package88446 (1.0.0)
    package88447 (1.0.0)
    package88448 (1.0.0)
    package88449 (1.0.0)
    package88450 (1.0.0)
    package88451 (1.0.0)
    package88452 (1.0.0)
    package88453 (1.0.0)
    package88454 (1.0.0)
    package88455 (1.0.0)
    package88456 (1.0.0)
    package88457 (1.0.0)
    package88458 (1.0.0)
    package88459 (1.0.0)
    package88460 (1.0.0)
    package88461 (1.0.0)
    package88462 (1.0.0)
    package88463 (1.0.0)
    package88464 (1.0.0)
    package88465 (1.0.0)
    package88466 (1.0.0)
    package88467 (1.0.0)
    package88468 (1.0.0)
    package88469 (1.0.0)
    package88470 (1.0.0)
    package88471 (1.0.0)
    package88472 (1.0.0)
    package88473 (1.0.0)
    package88474 (1.0.0)
    package88475 (1.0.0)
    package88476 (1.0.0)
    package88477 (1.0.0)
    package88478 (1.0.0)
    package88479 (1.0.0)
    package88480 (1.0.0)
    package88481 (1.0.0)
    package88482 (1.0.0)
    package88483 (1.0.0)
    package88484 (1.0.0)
    package88485 (1.0.0)
    package88486 (1.0.0)
    package88487 (1.0.0)
    package88488 (1.0.0)
    package88489 (1.0.0)
    package88490 (1.0.0)
    package88491 (1.0.0)
    package88492 (1.0.0)
    package88493 (1.0.0)
    package88494 (1.0.0)
    package88495 (1.0.0)
    package88496 (1.0.0)
    package88497 (1.0.0)
    package88498 (1.0.0)
    package88499 (1.0.0)
    package88500 (1.0.0)
    package88501 (1.0.0)
    package88502 (1.0.0)
    package88503 (1.0.0)
    package88504 (1.0.0)
    package88505 (1.0.0)
    package88506 (1.0.0)
    package88507 (1.0.0)
    package88508 (1.0.0)
    package88509 (1.0.0)
    package88510 (1.0.0)
    package88511 (1.0.0)
    package88512 (1.0.0)
    package88513 (1.0.0)
    package88514 (1.0.0)
    package88515 (1.0.0)
    package88516 (1.0.0)
    package88517 (1.0.0)
    package88518 (1.0.0)
    package88519 (1.0.0)
    package88520 (1.0.0)
    package88521 (1.0.0)
    package88522 (1.0.0)
    package88523 (1.0.0)
    package88524 (1.0.0)
    package88525 (1.0.0)
    package88526 (1.0.0)
    package88527 (1.0.0)
    package88528 (1.0.0)
    package88529 (1.0.0)
    package88530 (1.0.0)
    package88531 (1.0.0)
    package88532 (1.0.0)
    package88533 (1.0.0)
    package88534 (1.0.0)
    package88535 (1.0.0)
    package88536 (1.0.0)
    package88537 (1.0.0)
    package88538 (1.0.0)
    package88539 (1.0.0)
    package88540 (1.0.0)
    package88541 (1.0.0)
    package88542 (1.0.0)
    package88543 (1.0.0)
    package88544 (1.0.0)
    package88545 (1.0.0)
    package88546 (1.0.0)
    package88547 (1.0.0)
    package88548 (1.0.0)
    package88549 (1.0.0)
    package88550 (1.0.0)
    package88551 (1.0.0)
    package88552 (1.0.0)
    package88553 (1.0.0)
    package88554 (1.0.0)
    package88555 (1.0.0)
    package88556 (1.0.0)
    package88557 (1.0.0)
    package88558 (1.0.0)
    package88559 (1.0.0)
    package88560 (1.0.0)
    package88561 (1.0.0)
    package88562 (1.0.0)
    package88563 (1.0.0)
    package88564 (1.0.0)
    package88565 (1.0.0)
    package88566 (1.0.0)
    package88567 (1.0.0)
    package88568 (1.0.0)
    package88569 (1.0.0)
    package88570 (1.0.0)
    package88571 (1.0.0)
    package88572 (1.0.0)
    package88573 (1.0.0)
    package88574 (1.0.0)
    package88575 (1.0.0)
    package88576 (1.0.0)
    package88577 (1.0.0)
    package88578 (1.0.0)
    package88579 (1.0.0)
    package88580 (1.0.0)
    package88581 (1.0.0)
    package88582 (1.0.0)
    package88583 (1.0.0)
    package88584 (1.0.0)
    package88585 (1.0.0)
    package88586 (1.0.0)
    package88587 (1.0.0)
    package88588 (1.0.0)
    package88589 (1.0.0)
    package88590 (1.0.0)
    package88591 (1.0.0)
    package88592 (1.0.0)
    package88593 (1.0.0)
    package88594 (1.0.0)
    package88595 (1.0.0)
    package88596 (1.0.0)
    package88597 (1.0.0)
    package88598 (1.0.0)
    package88599 (1.0.0)
    package88600 (1.0.0)
    package88601 (1.0.0)
    package88602 (1.0.0)
    package88603 (1.0.0)
    package88604 (1.0.0)
    package88605 (1.0.0)
    package88606 (1.0.0)
    package88607 (1.0.0)
    package88608 (1.0.0)
    package88609 (1.0.0)
    package88610 (1.0.0)
    package88611 (1.0.0)
    package88612 (1.0.0)
    package88613 (1.0.0)
    package88614 (1.0.0)
    package88615 (1.0.0)
    package88616 (1.0.0)
    package88617 (1.0.0)
    package88618 (1.0.0)
    package88619 (1.0.0)
    package88620 (1.0.0)
    package88621 (1.0.0)
    package88622 (1.0.0)
    package88623 (1.0.0)
    package88624 (1.0.0)
    package88625 (1.0.0)
    package88626 (1.0.0)
    package88627 (1.0.0)
    package88628 (1.0.0)
    package88629 (1.0.0)
    package88630 (1.0.0)
    package88631 (1.0.0)
    package88632 (1.0.0)
    package88633 (1.0.0)
    package88634 (1.0.0)
    package88635 (1.0.0)
    package88636 (1.0.0)
    package88637 (1.0.0)
    package88638 (1.0.0)
    package88639 (1.0.0)
    package88640 (1.0.0)
    package88641 (1.0.0)
    package88642 (1.0.0)
    package88643 (1.0.0)
    package88644 (1.0.0)
    package88645 (1.0.0)
    package88646 (1.0.0)
    package88647 (1.0.0)
    package88648 (1.0.0)
    package88649 (1.0.0)
    package88650 (1.0.0)
    package88651 (1.0.0)
    package88652 (1.0.0)
    package88653 (1.0.0)
    package88654 (1.0.0)
    package88655 (1.0.0)
    package88656 (1.0.0)
    package88657 (1.0.0)
    package88658 (1.0.0)
    package88659 (1.0.0)
    package88660 (1.0.0)
    package88661 (1.0.0)
    package88662 (1.0.0)
    package88663 (1.0.0)
    package88664 (1.0.0)
    package88665 (1.0.0)
    package88666 (1.0.0)
    package88667 (1.0.0)
    package88668 (1.0.0)
    package88669 (1.0.0)
    package88670 (1.0.0)
    package88671 (1.0.0)
    package88672 (1.0.0)
    package88673 (1.0.0)
    package88674 (1.0.0)
    package88675 (1.0.0)
    package88676 (1.0.0)
    package88677 (1.0.0)
    package88678 (1.0.0)
    package88679 (1.0.0)
    package88680 (1.0.0)
    package88681 (1.0.0)
    package88682 (1.0.0)
    package88683 (1.0.0)
    package88684 (1.0.0)
    package88685 (1.0.0)
    package88686 (1.0.0)
    package88687 (1.0.0)
    package88688 (1.0.0)
    package88689 (1.0.0)
    package88690 (1.0.0)
    package88691 (1.0.0)
    package88692 (1.0.0)
    package88693 (1.0.0)
    package88694 (1.0.0)
    package88695 (1.0.0)
    package88696 (1.0.0)
    package88697 (1.0.0)
    package88698 (1.0.0)
    package88699 (1.0.0)
    package88700 (1.0.0)
    package88701 (1.0.0)
    package88702 (1.0.0)
    package88703 (1.0.0)
    package88704 (1.0.0)
    package88705 (1.0.0)
    package88706 (1.0.0)
    package88707 (1.0.0)
    package88708 (1.0.0)
    package88709 (1.0.0)
    package88710 (1.0.0)
    package88711 (1.0.0)
    package88712 (1.0.0)
    package88713 (1.0.0)
    package88714 (1.0.0)
    package88715 (1.0.0)
    package88716 (1.0.0)
    package88717 (1.0.0)
    package88718 (1.0.0)
    package88719 (1.0.0)
    package88720 (1.0.0)
    package88721 (1.0.0)
    package88722 (1.0.0)
    package88723 (1.0.0)
    package88724 (1.0.0)
    package88725 (1.0.0)
    package88726 (1.0.0)
    package88727 (1.0.0)
    package88728 (1.0.0)
    package88729 (1.0.0)
    package88730 (1.0.0)
    package88731 (1.0.0)
    package88732 (1.0.0)
    package88733 (1.0.0)
    package88734 (1.0.0)
    package88735 (1.0.0)
    package88736 (1.0.0)
    package88737 (1.0.0)
    package88738 (1.0.0)
    package88739 (1.0.0)
    package88740 (1.0.0)
    package88741 (1.0.0)
    package88742 (1.0.0)
    package88743 (1.0.0)
    package88744 (1.0.0)
    package88745 (1.0.0)
    package88746 (1.0.0)
    package88747 (1.0.0)
    package88748 (1.0.0)
    package88749 (1.0.0)
    package88750 (1.0.0)
    package88751 (1.0.0)
    package88752 (1.0.0)
    package88753 (1.0.0)
    package88754 (1.0.0)
    package88755 (1.0.0)
    package88756 (1.0.0)
    package88757 (1.0.0)
    package88758 (1.0.0)
    package88759 (1.0.0)
    package88760 (1.0.0)
    package88761 (1.0.0)
    package88762 (1.0.0)
    package88763 (1.0.0)
    package88764 (1.0.0)
    package88765 (1.0.0)
    package88766 (1.0.0)
    package88767 (1.0.0)
    package88768 (1.0.0)
    package88769 (1.0.0)
    package88770 (1.0.0)
    package88771 (1.0.0)
    package88772 (1.0.0)
    package88773 (1.0.0)
    package88774 (1.0.0)
    package88775 (1.0.0)
    package88776 (1.0.0)
    package88777 (1.0.0)
    package88778 (1.0.0)
    package88779 (1.0.0)
    package88780 (1.0.0)
    package88781 (1.0.0)
    package88782 (1.0.0)
    package88783 (1.0.0)
    package88784 (1.0.0)
    package88785 (1.0.0)
    package88786 (1.0.0)
    package88787 (1.0.0)
    package88788 (1.0.0)
    package88789 (1.0.0)
    package88790 (1.0.0)
    package88791 (1.0.0)
    package88792 (1.0.0)
    package88793 (1.0.0)
    package88794 (1.0.0)
    package88795 (1.0.0)
    package88796 (1.0.0)
    package88797 (1.0.0)
    package88798 (1.0.0)
    package88799 (1.0.0)
    package88800 (1.0.0)
    package88801 (1.0.0)
    package88802 (1.0.0)
    package88803 (1.0.0)
    package88804 (1.0.0)
    package88805 (1.0.0)
    package88806 (1.0.0)
    package88807 (1.0.0)
    package88808 (1.0.0)
    package88809 (1.0.0)
    package88810 (1.0.0)
    package88811 (1.0.0)
    package88812 (1.0.0)
    package88813 (1.0.0)
    package88814 (1.0.0)
    package88815 (1.0.0)
    package88816 (1.0.0)
    package88817 (1.0.0)
    package88818 (1.0.0)
    package88819 (1.0.0)
    package88820 (1.0.0)
    package88821 (1.0.0)
    package88822 (1.0.0)
    package88823 (1.0.0)
    package88824 (1.0.0)
    package88825 (1.0.0)
    package88826 (1.0.0)
    package88827 (1.0.0)
    package88828 (1.0.0)
    package88829 (1.0.0)
    package88830 (1.0.0)
    package88831 (1.0.0)
    package88832 (1.0.0)
    package88833 (1.0.0)
    package88834 (1.0.0)
    package88835 (1.0.0)
    package88836 (1.0.0)
    package88837 (1.0.0)
    package88838 (1.0.0)
    package88839 (1.0.0)
    package88840 (1.0.0)
    package88841 (1.0.0)
    package88842 (1.0.0)
    package88843 (1.0.0)
    package88844 (1.0.0)
    package88845 (1.0.0)
    package88846 (1.0.0)
    package88847 (1.0.0)
    package88848 (1.0.0)
    package88849 (1.0.0)
    package88850 (1.0.0)
    package88851 (1.0.0)
    package88852 (1.0.0)
    package88853 (1.0.0)
    package88854 (1.0.0)
    package88855 (1.0.0)
    package88856 (1.0.0)
    package88857 (1.0.0)
    package88858 (1.0.0)
    package88859 (1.0.0)
    package88860 (1.0.0)
    package88861 (1.0.0)
    package88862 (1.0.0)
    package88863 (1.0.0)
    package88864 (1.0.0)
    package88865 (1.0.0)
    package88866 (1.0.0)
    package88867 (1.0.0)
    package88868 (1.0.0)
    package88869 (1.0.0)
    package88870 (1.0.0)
    package88871 (1.0.0)
    package88872 (1.0.0)
    package88873 (1.0.0)
    package88874 (1.0.0)
    package88875 (1.0.0)
    package88876 (1.0.0)
    package88877 (1.0.0)
    package88878 (1.0.0)
    package88879 (1.0.0)
    package88880 (1.0.0)
    package88881 (1.0.0)
    package88882 (1.0.0)
    package88883 (1.0.0)
    package88884 (1.0.0)
    package88885 (1.0.0)
    package88886 (1.0.0)
    package88887 (1.0.0)
    package88888 (1.0.0)
    package88889 (1.0.0)
    package88890 (1.0.0)
    package88891 (1.0.0)
    package88892 (1.0.0)
    package88893 (1.0.0)
    package88894 (1.0.0)
    package88895 (1.0.0)
    package88896 (1.0.0)
    package88897 (1.0.0)
    package88898 (1.0.0)
    package88899 (1.0.0)
    package88900 (1.0.0)
    package88901 (1.0.0)
    package88902 (1.0.0)
    package88903 (1.0.0)
    package88904 (1.0.0)
    package88905 (1.0.0)
    package88906 (1.0.0)
    package88907 (1.0.0)
    package88908 (1.0.0)
    package88909 (1.0.0)
    package88910 (1.0.0)
    package88911 (1.0.0)
    package88912 (1.0.0)
    package88913 (1.0.0)
    package88914 (1.0.0)
    package88915 (1.0.0)
    package88916 (1.0.0)
    package88917 (1.0.0)
    package88918 (1.0.0)
    package88919 (1.0.0)
    package88920 (1.0.0)
    package88921 (1.0.0)
    package88922 (1.0.0)
    package88923 (1.0.0)
    package88924 (1.0.0)
    package88925 (1.0.0)
    package88926 (1.0.0)
    package88927 (1.0.0)
    package88928 (1.0.0)
    package88929 (1.0.0)
    package88930 (1.0.0)
    package88931 (1.0.0)
    package88932 (1.0.0)
    package88933 (1.0.0)
    package88934 (1.0.0)
    package88935 (1.0.0)
    package88936 (1.0.0)
    package88937 (1.0.0)
    package88938 (1.0.0)
    package88939 (1.0.0)
    package88940 (1.0.0)
    package88941 (1.0.0)
    package88942 (1.0.0)
    package88943 (1.0.0)
    package88944 (1.0.0)
    package88945 (1.0.0)
    package88946 (1.0.0)
    package88947 (1.0.0)
    package88948 (1.0.0)
    package88949 (1.0.0)
    package88950 (1.0.0)
    package88951 (1.0.0)
    package88952 (1.0.0)
    package88953 (1.0.0)
    package88954 (1.0.0)
    package88955 (1.0.0)
    package88956 (1.0.0)
    package88957 (1.0.0)
    package88958 (1.0.0)
    package88959 (1.0.0)
    package88960 (1.0.0)
    package88961 (1.0.0)
    package88962 (1.0.0)
    package88963 (1.0.0)
    package88964 (1.0.0)
    package88965 (1.0.0)
    package88966 (1.0.0)
    package88967 (1.0.0)
    package88968 (1.0.0)
    package88969 (1.0.0)
    package88970 (1.0.0)
    package88971 (1.0.0)
    package88972 (1.0.0)
    package88973 (1.0.0)
    package88974 (1.0.0)
    package88975 (1.0.0)
    package88976 (1.0.0)
    package88977 (1.0.0)
    package88978 (1.0.0)
    package88979 (1.0.0)
    package88980 (1.0.0)
    package88981 (1.0.0)
    package88982 (1.0.0)
    package88983 (1.0.0)
    package88984 (1.0.0)
    package88985 (1.0.0)
    package88986 (1.0.0)
    package88987 (1.0.0)
    package88988 (1.0.0)
    package88989 (1.0.0)
    package88990 (1.0.0)
    package88991 (1.0.0)
    package88992 (1.0.0)
    package88993 (1.0.0)
    package88994 (1.0.0)
    package88995 (1.0.0)
    package88996 (1.0.0)
    package88997 (1.0.0)
    package88998 (1.0.0)
    package88999 (1.0.0)
    package89000 (1.0.0)
    package89001 (1.0.0)
    package89002 (1.0.0)
    package89003 (1.0.0)
    package89004 (1.0.0)
    package89005 (1.0.0)
    package89006 (1.0.0)
    package89007 (1.0.0)
    package89008 (1.0.0)
    package89009 (1.0.0)
    package89010 (1.0.0)
    package89011 (1.0.0)
    package89012 (1.0.0)
    package89013 (1.0.0)
    package89014 (1.0.0)
    package89015 (1.0.0)
    package89016 (1.0.0)
    package89017 (1.0.0)
    package89018 (1.0.0)
    package89019 (1.0.0)
    package89020 (1.0.0)
    package89021 (1.0.0)
    package89022 (1.0.0)
    package89023 (1.0.0)
    package89024 (1.0.0)
    package89025 (1.0.0)
    package89026 (1.0.0)
    package89027 (1.0.0)
    package89028 (1.0.0)
    package89029 (1.0.0)
    package89030 (1.0.0)
    package89031 (1.0.0)
    package89032 (1.0.0)
    package89033 (1.0.0)
    package89034 (1.0.0)
    package89035 (1.0.0)
    package89036 (1.0.0)
    package89037 (1.0.0)
    package89038 (1.0.0)
    package89039 (1.0.0)
    package89040 (1.0.0)
    package89041 (1.0.0)
    package89042 (1.0.0)
    package89043 (1.0.0)
    package89044 (1.0.0)
    package89045 (1.0.0)
    package89046 (1.0.0)
    package89047 (1.0.0)
    package89048 (1.0.0)
    package89049 (1.0.0)
    package89050 (1.0.0)
    package89051 (1.0.0)
    package89052 (1.0.0)
    package89053 (1.0.0)
    package89054 (1.0.0)
    package89055 (1.0.0)
    package89056 (1.0.0)
    package89057 (1.0.0)
    package89058 (1.0.0)
    package89059 (1.0.0)
    package89060 (1.0.0)
    package89061 (1.0.0)
    package89062 (1.0.0)
    package89063 (1.0.0)
    package89064 (1.0.0)
    package89065 (1.0.0)
    package89066 (1.0.0)
    package89067 (1.0.0)
    package89068 (1.0.0)
    package89069 (1.0.0)
    package89070 (1.0.0)
    package89071 (1.0.0)
    package89072 (1.0.0)
    package89073 (1.0.0)
    package89074 (1.0.0)
    package89075 (1.0.0)
    package89076 (1.0.0)
    package89077 (1.0.0)
    package89078 (1.0.0)
    package89079 (1.0.0)
    package89080 (1.0.0)
    package89081 (1.0.0)
    package89082 (1.0.0)
    package89083 (1.0.0)
    package89084 (1.0.0)
    package89085 (1.0.0)
    package89086 (1.0.0)
    package89087 (1.0.0)
    package89088 (1.0.0)
    package89089 (1.0.0)
    package89090 (1.0.0)
    package89091 (1.0.0)
    package89092 (1.0.0)
    package89093 (1.0.0)
    package89094 (1.0.0)
    package89095 (1.0.0)
    package89096 (1.0.0)
    package89097 (1.0.0)
    package89098 (1.0.0)
    package89099 (1.0.0)
    package89100 (1.0.0)
    package89101 (1.0.0)
    package89102 (1.0.0)
    package89103 (1.0.0)
    package89104 (1.0.0)
    package89105 (1.0.0)
    package89106 (1.0.0)
    package89107 (1.0.0)
    package89108 (1.0.0)
    package89109 (1.0.0)
    package89110 (1.0.0)
    package89111 (1.0.0)
    package89112 (1.0.0)
    package89113 (1.0.0)
    package89114 (1.0.0)
    package89115 (1.0.0)
    package89116 (1.0.0)
    package89117 (1.0.0)
    package89118 (1.0.0)
    package89119 (1.0.0)
    package89120 (1.0.0)
    package89121 (1.0.0)
    package89122 (1.0.0)
    package89123 (1.0.0)
    package89124 (1.0.0)
    package89125 (1.0.0)
    package89126 (1.0.0)
    package89127 (1.0.0)
    package89128 (1.0.0)
    package89129 (1.0.0)
    package89130 (1.0.0)
    package89131 (1.0.0)
    package89132 (1.0.0)
    package89133 (1.0.0)
    package89134 (1.0.0)
    package89135 (1.0.0)
    package89136 (1.0.0)
    package89137 (1.0.0)
    package89138 (1.0.0)
    package89139 (1.0.0)
    package89140 (1.0.0)
    package89141 (1.0.0)
    package89142 (1.0.0)
    package89143 (1.0.0)
    package89144 (1.0.0)
    package89145 (1.0.0)
    package89146 (1.0.0)
    package89147 (1.0.0)
    package89148 (1.0.0)
    package89149 (1.0.0)
    package89150 (1.0.0)
    package89151 (1.0.0)
    package89152 (1.0.0)
    package89153 (1.0.0)
    package89154 (1.0.0)
    package89155 (1.0.0)
    package89156 (1.0.0)
    package89157 (1.0.0)
    package89158 (1.0.0)
    package89159 (1.0.0)
    package89160 (1.0.0)
    package89161 (1.0.0)
    package89162 (1.0.0)
    package89163 (1.0.0)
    package89164 (1.0.0)
    package89165 (1.0.0)
    package89166 (1.0.0)
    package89167 (1.0.0)
    package89168 (1.0.0)
    package89169 (1.0.0)
    package89170 (1.0.0)
    package89171 (1.0.0)
    package89172 (1.0.0)
    package89173 (1.0.0)
    package89174 (1.0.0)
    package89175 (1.0.0)
    package89176 (1.0.0)
    package89177 (1.0.0)
    package89178 (1.0.0)
    package89179 (1.0.0)
    package89180 (1.0.0)
    package89181 (1.0.0)
    package89182 (1.0.0)
    package89183 (1.0.0)
    package89184 (1.0.0)
    package89185 (1.0.0)
    package89186 (1.0.0)
    package89187 (1.0.0)
    package89188 (1.0.0)
    package89189 (1.0.0)
    package89190 (1.0.0)
    package89191 (1.0.0)
    package89192 (1.0.0)
    package89193 (1.0.0)
    package89194 (1.0.0)
    package89195 (1.0.0)
    package89196 (1.0.0)
    package89197 (1.0.0)
    package89198 (1.0.0)
    package89199 (1.0.0)
    package89200 (1.0.0)
    package89201 (1.0.0)
    package89202 (1.0.0)
    package89203 (1.0.0)
    package89204 (1.0.0)
    package89205 (1.0.0)
    package89206 (1.0.0)
    package89207 (1.0.0)
    package89208 (1.0.0)
    package89209 (1.0.0)
    package89210 (1.0.0)
    package89211 (1.0.0)
    package89212 (1.0.0)
    package89213 (1.0.0)
    package89214 (1.0.0)
    package89215 (1.0.0)
    package89216 (1.0.0)
    package89217 (1.0.0)
    package89218 (1.0.0)
    package89219 (1.0.0)
    package89220 (1.0.0)
    package89221 (1.0.0)
    package89222 (1.0.0)
    package89223 (1.0.0)
    package89224 (1.0.0)
    package89225 (1.0.0)
    package89226 (1.0.0)
    package89227 (1.0.0)
    package89228 (1.0.0)
    package89229 (1.0.0)
    package89230 (1.0.0)
    package89231 (1.0.0)
    package89232 (1.0.0)
    package89233 (1.0.0)
    package89234 (1.0.0)
    package89235 (1.0.0)
    package89236 (1.0.0)
    package89237 (1.0.0)
    package89238 (1.0.0)
    package89239 (1.0.0)
    package89240 (1.0.0)
    package89241 (1.0.0)
    package89242 (1.0.0)
    package89243 (1.0.0)
    package89244 (1.0.0)
    package89245 (1.0.0)
    package89246 (1.0.0)
    package89247 (1.0.0)
    package89248 (1.0.0)
    package89249 (1.0.0)
    package89250 (1.0.0)
    package89251 (1.0.0)
    package89252 (1.0.0)
    package89253 (1.0.0)
    package89254 (1.0.0)
    package89255 (1.0.0)
    package89256 (1.0.0)
    package89257 (1.0.0)
    package89258 (1.0.0)
    package89259 (1.0.0)
    package89260 (1.0.0)
    package89261 (1.0.0)
    package89262 (1.0.0)
    package89263 (1.0.0)
    package89264 (1.0.0)
    package89265 (1.0.0)
    package89266 (1.0.0)
    package89267 (1.0.0)
    package89268 (1.0.0)
    package89269 (1.0.0)
    package89270 (1.0.0)
    package89271 (1.0.0)
    package89272 (1.0.0)
    package89273 (1.0.0)
    package89274 (1.0.0)
    package89275 (1.0.0)
    package89276 (1.0.0)
    package89277 (1.0.0)
    package89278 (1.0.0)
    package89279 (1.0.0)
    package89280 (1.0.0)
    package89281 (1.0.0)
    package89282 (1.0.0)
    package89283 (1.0.0)
    package89284 (1.0.0)
    package89285 (1.0.0)
    package89286 (1.0.0)
    package89287 (1.0.0)
    package89288 (1.0.0)
    package89289 (1.0.0)
    package89290 (1.0.0)
    package89291 (1.0.0)
    package89292 (1.0.0)
    package89293 (1.0.0)
    package89294 (1.0.0)
    package89295 (1.0.0)
    package89296 (1.0.0)
    package89297 (1.0.0)
    package89298 (1.0.0)
    package89299 (1.0.0)
    package89300 (1.0.0)
    package89301 (1.0.0)
    package89302 (1.0.0)
    package89303 (1.0.0)
    package89304 (1.0.0)
    package89305 (1.0.0)
    package89306 (1.0.0)
    package89307 (1.0.0)
    package89308 (1.0.0)
    package89309 (1.0.0)
    package89310 (1.0.0)
    package89311 (1.0.0)
    package89312 (1.0.0)
    package89313 (1.0.0)
    package89314 (1.0.0)
    package89315 (1.0.0)
    package89316 (1.0.0)
    package89317 (1.0.0)
    package89318 (1.0.0)
    package89319 (1.0.0)
    package89320 (1.0.0)
    package89321 (1.0.0)
    package89322 (1.0.0)
    package89323 (1.0.0)
    package89324 (1.0.0)
    package89325 (1.0.0)
    package89326 (1.0.0)
    package89327 (1.0.0)
    package89328 (1.0.0)
    package89329 (1.0.0)
    package89330 (1.0.0)
    package89331 (1.0.0)
    package89332 (1.0.0)
    package89333 (1.0.0)
    package89334 (1.0.0)
    package89335 (1.0.0)
    package89336 (1.0.0)
    package89337 (1.0.0)
    package89338 (1.0.0)
    package89339 (1.0.0)
    package89340 (1.0.0)
    package89341 (1.0.0)
    package89342 (1.0.0)
    package89343 (1.0.0)
    package89344 (1.0.0)
    package89345 (1.0.0)
    package89346 (1.0.0)
    package89347 (1.0.0)
    package89348 (1.0.0)
    package89349 (1.0.0)
    package89350 (1.0.0)
    package89351 (1.0.0)
    package89352 (1.0.0)
    package89353 (1.0.0)
    package89354 (1.0.0)
    package89355 (1.0.0)
    package89356 (1.0.0)
    package89357 (1.0.0)
    package89358 (1.0.0)
    package89359 (1.0.0)
    package89360 (1.0.0)
    package89361 (1.0.0)
    package89362 (1.0.0)
    package89363 (1.0.0)
    package89364 (1.0.0)
    package89365 (1.0.0)
    package89366 (1.0.0)
    package89367 (1.0.0)
    package89368 (1.0.0)
    package89369 (1.0.0)
    package89370 (1.0.0)
    package89371 (1.0.0)
    package89372 (1.0.0)
    package89373 (1.0.0)
    package89374 (1.0.0)
    package89375 (1.0.0)
    package89376 (1.0.0)
    package89377 (1.0.0)
    package89378 (1.0.0)
    package89379 (1.0.0)
    package89380 (1.0.0)
    package89381 (1.0.0)
    package89382 (1.0.0)
    package89383 (1.0.0)
    package89384 (1.0.0)
    package89385 (1.0.0)
    package89386 (1.0.0)
    package89387 (1.0.0)
    package89388 (1.0.0)
    package89389 (1.0.0)
    package89390 (1.0.0)
    package89391 (1.0.0)
    package89392 (1.0.0)
    package89393 (1.0.0)
    package89394 (1.0.0)
    package89395 (1.0.0)
    package89396 (1.0.0)
    package89397 (1.0.0)
    package89398 (1.0.0)
    package89399 (1.0.0)
    package89400 (1.0.0)
    package89401 (1.0.0)
    package89402 (1.0.0)
    package89403 (1.0.0)
    package89404 (1.0.0)
    package89405 (1.0.0)
    package89406 (1.0.0)
    package89407 (1.0.0)
    package89408 (1.0.0)
    package89409 (1.0.0)
    package89410 (1.0.0)
    package89411 (1.0.0)
    package89412 (1.0.0)
    package89413 (1.0.0)
    package89414 (1.0.0)
    package89415 (1.0.0)
    package89416 (1.0.0)
    package89417 (1.0.0)
    package89418 (1.0.0)
    package89419 (1.0.0)
    package89420 (1.0.0)
    package89421 (1.0.0)
    package89422 (1.0.0)
    package89423 (1.0.0)
    package89424 (1.0.0)
    package89425 (1.0.0)
    package89426 (1.0.0)
    package89427 (1.0.0)
    package89428 (1.0.0)
    package89429 (1.0.0)
    package89430 (1.0.0)
    package89431 (1.0.0)
    package89432 (1.0.0)
    package89433 (1.0.0)
    package89434 (1.0.0)
    package89435 (1.0.0)
    package89436 (1.0.0)
    package89437 (1.0.0)
    package89438 (1.0.0)
    package89439 (1.0.0)
    package89440 (1.0.0)
    package89441 (1.0.0)
    package89442 (1.0.0)
    package89443 (1.0.0)
    package89444 (1.0.0)
    package89445 (1.0.0)
    package89446 (1.0.0)
    package89447 (1.0.0)
    package89448 (1.0.0)
    package89449 (1.0.0)
    package89450 (1.0.0)
    package89451 (1.0.0)
    package89452 (1.0.0)
    package89453 (1.0.0)
    package89454 (1.0.0)
    package89455 (1.0.0)
    package89456 (1.0.0)
    package89457 (1.0.0)
    package89458 (1.0.0)
    package89459 (1.0.0)
    package89460 (1.0.0)
    package89461 (1.0.0)
    package89462 (1.0.0)
    package89463 (1.0.0)
    package89464 (1.0.0)
    package89465 (1.0.0)
    package89466 (1.0.0)
    package89467 (1.0.0)
    package89468 (1.0.0)
    package89469 (1.0.0)
    package89470 (1.0.0)
    package89471 (1.0.0)
    package89472 (1.0.0)
    package89473 (1.0.0)
    package89474 (1.0.0)
    package89475 (1.0.0)
    package89476 (1.0.0)
    package89477 (1.0.0)
    package89478 (1.0.0)
    package89479 (1.0.0)
    package89480 (1.0.0)
    package89481 (1.0.0)
    package89482 (1.0.0)
    package89483 (1.0.0)
    package89484 (1.0.0)
    package89485 (1.0.0)
    package89486 (1.0.0)
    package89487 (1.0.0)
    package89488 (1.0.0)
    package89489 (1.0.0)
    package89490 (1.0.0)
    package89491 (1.0.0)
    package89492 (1.0.0)
    package89493 (1.0.0)
    package89494 (1.0.0)
    package89495 (1.0.0)
    package89496 (1.0.0)
    package89497 (1.0.0)
    package89498 (1.0.0)
    package89499 (1.0.0)
    package89500 (1.0.0)
    package89501 (1.0.0)
    package89502 (1.0.0)
    package89503 (1.0.0)
    package89504 (1.0.0)
    package89505 (1.0.0)
    package89506 (1.0.0)
    package89507 (1.0.0)
    package89508 (1.0.0)
    package89509 (1.0.0)
    package89510 (1.0.0)
    package89511 (1.0.0)
    package89512 (1.0.0)
    package89513 (1.0.0)
    package89514 (1.0.0)
    package89515 (1.0.0)
    package89516 (1.0.0)
    package89517 (1.0.0)
    package89518 (1.0.0)
    package89519 (1.0.0)
    package89520 (1.0.0)
    package89521 (1.0.0)
    package89522 (1.0.0)
    package89523 (1.0.0)
    package89524 (1.0.0)
    package89525 (1.0.0)
    package89526 (1.0.0)
    package89527 (1.0.0)
    package89528 (1.0.0)
    package89529 (1.0.0)
    package89530 (1.0.0)
    package89531 (1.0.0)
    package89532 (1.0.0)
    package89533 (1.0.0)
    package89534 (1.0.0)
    package89535 (1.0.0)
    package89536 (1.0.0)
    package89537 (1.0.0)
    package89538 (1.0.0)
    package89539 (1.0.0)
    package89540 (1.0.0)
    package89541 (1.0.0)
    package89542 (1.0.0)
    package89543 (1.0.0)
    package89544 (1.0.0)
    package89545 (1.0.0)
    package89546 (1.0.0)
    package89547 (1.0.0)
    package89548 (1.0.0)
    package89549 (1.0.0)
    package89550 (1.0.0)
    package89551 (1.0.0)
    package89552 (1.0.0)
    package89553 (1.0.0)
    package89554 (1.0.0)
    package89555 (1.0.0)
    package89556 (1.0.0)
    package89557 (1.0.0)
    package89558 (1.0.0)
    package89559 (1.0.0)
    package89560 (1.0.0)
    package89561 (1.0.0)
    package89562 (1.0.0)
    package89563 (1.0.0)
    package89564 (1.0.0)
    package89565 (1.0.0)
    package89566 (1.0.0)
    package89567 (1.0.0)
    package89568 (1.0.0)
    package89569 (1.0.0)
    package89570 (1.0.0)
    package89571 (1.0.0)
    package89572 (1.0.0)
    package89573 (1.0.0)
    package89574 (1.0.0)
    package89575 (1.0.0)
    package89576 (1.0.0)
    package89577 (1.0.0)
    package89578 (1.0.0)
    package89579 (1.0.0)
    package89580 (1.0.0)
    package89581 (1.0.0)
    package89582 (1.0.0)
    package89583 (1.0.0)
    package89584 (1.0.0)
    package89585 (1.0.0)
    package89586 (1.0.0)
    package89587 (1.0.0)
    package89588 (1.0.0)
    package89589 (1.0.0)
    package89590 (1.0.0)
    package89591 (1.0.0)
    package89592 (1.0.0)
    package89593 (1.0.0)
    package89594 (1.0.0)
    package89595 (1.0.0)
    package89596 (1.0.0)
    package89597 (1.0.0)
    package89598 (1.0.0)
    package89599 (1.0.0)
    package89600 (1.0.0)
    package89601 (1.0.0)
    package89602 (1.0.0)
    package89603 (1.0.0)
    package89604 (1.0.0)
    package89605 (1.0.0)
    package89606 (1.0.0)
    package89607 (1.0.0)
    package89608 (1.0.0)
    package89609 (1.0.0)
    package89610 (1.0.0)
    package89611 (1.0.0)
    package89612 (1.0.0)
    package89613 (1.0.0)
    package89614 (1.0.0)
    package89615 (1.0.0)
    package89616 (1.0.0)
    package89617 (1.0.0)
    package89618 (1.0.0)
    package89619 (1.0.0)
    package89620 (1.0.0)
    package89621 (1.0.0)
    package89622 (1.0.0)
    package89623 (1.0.0)
    package89624 (1.0.0)
    package89625 (1.0.0)
    package89626 (1.0.0)
    package89627 (1.0.0)
    package89628 (1.0.0)
    package89629 (1.0.0)
    package89630 (1.0.0)
    package89631 (1.0.0)
    package89632 (1.0.0)
    package89633 (1.0.0)
    package89634 (1.0.0)
    package89635 (1.0.0)
    package89636 (1.0.0)
    package89637 (1.0.0)
    package89638 (1.0.0)
    package89639 (1.0.0)
    package89640 (1.0.0)
    package89641 (1.0.0)
    package89642 (1.0.0)
    package89643 (1.0.0)
    package89644 (1.0.0)
    package89645 (1.0.0)
    package89646 (1.0.0)
    package89647 (1.0.0)
    package89648 (1.0.0)
    package89649 (1.0.0)
    package89650 (1.0.0)
    package89651 (1.0.0)
    package89652 (1.0.0)
    package89653 (1.0.0)
    package89654 (1.0.0)
    package89655 (1.0.0)
    package89656 (1.0.0)
    package89657 (1.0.0)
    package89658 (1.0.0)
    package89659 (1.0.0)
    package89660 (1.0.0)
    package89661 (1.0.0)
    package89662 (1.0.0)
    package89663 (1.0.0)
    package89664 (1.0.0)
    package89665 (1.0.0)
    package89666 (1.0.0)
    package89667 (1.0.0)
    package89668 (1.0.0)
    package89669 (1.0.0)
    package89670 (1.0.0)
    package89671 (1.0.0)
    package89672 (1.0.0)
    package89673 (1.0.0)
    package89674 (1.0.0)
    package89675 (1.0.0)
    package89676 (1.0.0)
    package89677 (1.0.0)
    package89678 (1.0.0)
    package89679 (1.0.0)
    package89680 (1.0.0)
    package89681 (1.0.0)
    package89682 (1.0.0)
    package89683 (1.0.0)
    package89684 (1.0.0)
    package89685 (1.0.0)
    package89686 (1.0.0)
    package89687 (1.0.0)
    package89688 (1.0.0)
    package89689 (1.0.0)
    package89690 (1.0.0)
    package89691 (1.0.0)
    package89692 (1.0.0)
    package89693 (1.0.0)
    package89694 (1.0.0)
    package89695 (1.0.0)
    package89696 (1.0.0)
    package89697 (1.0.0)
    package89698 (1.0.0)
    package89699 (1.0.0)
    package89700 (1.0.0)
    package89701 (1.0.0)
    package89702 (1.0.0)
    package89703 (1.0.0)
    package89704 (1.0.0)
    package89705 (1.0.0)
    package89706 (1.0.0)
    package89707 (1.0.0)
    package89708 (1.0.0)
    package89709 (1.0.0)
    package89710 (1.0.0)
    package89711 (1.0.0)
    package89712 (1.0.0)
    package89713 (1.0.0)
    package89714 (1.0.0)
    package89715 (1.0.0)
    package89716 (1.0.0)
    package89717 (1.0.0)
    package89718 (1.0.0)
    package89719 (1.0.0)
    package89720 (1.0.0)
    package89721 (1.0.0)
    package89722 (1.0.0)
    package89723 (1.0.0)
    package89724 (1.0.0)
    package89725 (1.0.0)
    package89726 (1.0.0)
    package89727 (1.0.0)
    package89728 (1.0.0)
    package89729 (1.0.0)
    package89730 (1.0.0)
    package89731 (1.0.0)
    package89732 (1.0.0)
    package89733 (1.0.0)
    package89734 (1.0.0)
    package89735 (1.0.0)
    package89736 (1.0.0)
    package89737 (1.0.0)
    package89738 (1.0.0)
    package89739 (1.0.0)
    package89740 (1.0.0)
    package89741 (1.0.0)
    package89742 (1.0.0)
    package89743 (1.0.0)
    package89744 (1.0.0)
    package89745 (1.0.0)
    package89746 (1.0.0)
    package89747 (1.0.0)
    package89748 (1.0.0)
    package89749 (1.0.0)
    package89750 (1.0.0)
    package89751 (1.0.0)
    package89752 (1.0.0)
    package89753 (1.0.0)
    package89754 (1.0.0)
    package89755 (1.0.0)
    package89756 (1.0.0)
    package89757 (1.0.0)
    package89758 (1.0.0)
    package89759 (1.0.0)
    package89760 (1.0.0)
    package89761 (1.0.0)
    package89762 (1.0.0)
    package89763 (1.0.0)
    package89764 (1.0.0)
    package89765 (1.0.0)
    package89766 (1.0.0)
    package89767 (1.0.0)
    package89768 (1.0.0)
    package89769 (1.0.0)
    package89770 (1.0.0)
    package89771 (1.0.0)
    package89772 (1.0.0)
    package89773 (1.0.0)
    package89774 (1.0.0)
    package89775 (1.0.0)
    package89776 (1.0.0)
    package89777 (1.0.0)
    package89778 (1.0.0)
    package89779 (1.0.0)
    package89780 (1.0.0)
    package89781 (1.0.0)
    package89782 (1.0.0)
    package89783 (1.0.0)
    package89784 (1.0.0)
    package89785 (1.0.0)
    package89786 (1.0.0)
    package89787 (1.0.0)
    package89788 (1.0.0)
    package89789 (1.0.0)
    package89790 (1.0.0)
    package89791 (1.0.0)
    package89792 (1.0.0)
    package89793 (1.0.0)
    package89794 (1.0.0)
    package89795 (1.0.0)
    package89796 (1.0.0)
    package89797 (1.0.0)
    package89798 (1.0.0)
    package89799 (1.0.0)
    package89800 (1.0.0)
    package89801 (1.0.0)
    package89802 (1.0.0)
    package89803 (1.0.0)
    package89804 (1.0.0)
    package89805 (1.0.0)
    package89806 (1.0.0)
    package89807 (1.0.0)
    package89808 (1.0.0)
    package89809 (1.0.0)
    package89810 (1.0.0)
    package89811 (1.0.0)
    package89812 (1.0.0)
    package89813 (1.0.0)
    package89814 (1.0.0)
    package89815 (1.0.0)
    package89816 (1.0.0)
    package89817 (1.0.0)
    package89818 (1.0.0)
    package89819 (1.0.0)
    package89820 (1.0.0)
    package89821 (1.0.0)
    package89822 (1.0.0)
    package89823 (1.0.0)
    package89824 (1.0.0)
    package89825 (1.0.0)
    package89826 (1.0.0)
    package89827 (1.0.0)
    package89828 (1.0.0)
    package89829 (1.0.0)
    package89830 (1.0.0)
    package89831 (1.0.0)
    package89832 (1.0.0)
    package89833 (1.0.0)
    package89834 (1.0.0)
    package89835 (1.0.0)
    package89836 (1.0.0)
    package89837 (1.0.0)
    package89838 (1.0.0)
    package89839 (1.0.0)
    package89840 (1.0.0)
    package89841 (1.0.0)
    package89842 (1.0.0)
    package89843 (1.0.0)
    package89844 (1.0.0)
    package89845 (1.0.0)
    package89846 (1.0.0)
    package89847 (1.0.0)
    package89848 (1.0.0)
    package89849 (1.0.0)
    package89850 (1.0.0)
    package89851 (1.0.0)
    package89852 (1.0.0)
    package89853 (1.0.0)
    package89854 (1.0.0)
    package89855 (1.0.0)
    package89856 (1.0.0)
    package89857 (1.0.0)
    package89858 (1.0.0)
    package89859 (1.0.0)
    package89860 (1.0.0)
    package89861 (1.0.0)
    package89862 (1.0.0)
    package89863 (1.0.0)
    package89864 (1.0.0)
    package89865 (1.0.0)
    package89866 (1.0.0)
    package89867 (1.0.0)
    package89868 (1.0.0)
    package89869 (1.0.0)
    package89870 (1.0.0)
    package89871 (1.0.0)
    package89872 (1.0.0)
    package89873 (1.0.0)
    package89874 (1.0.0)
    package89875 (1.0.0)
    package89876 (1.0.0)
    package89877 (1.0.0)
    package89878 (1.0.0)
    package89879 (1.0.0)
    package89880 (1.0.0)
    package89881 (1.0.0)
    package89882 (1.0.0)
    package89883 (1.0.0)
    package89884 (1.0.0)
    package89885 (1.0.0)
    package89886 (1.0.0)
    package89887 (1.0.0)
    package89888 (1.0.0)
    package89889 (1.0.0)
    package89890 (1.0.0)
    package89891 (1.0.0)
    package89892 (1.0.0)
    package89893 (1.0.0)
    package89894 (1.0.0)
    package89895 (1.0.0)
    package89896 (1.0.0)
    package89897 (1.0.0)
    package89898 (1.0.0)
    package89899 (1.0.0)
    package89900 (1.0.0)
    package89901 (1.0.0)
    package89902 (1.0.0)
    package89903 (1.0.0)
    package89904 (1.0.0)
    package89905 (1.0.0)
    package89906 (1.0.0)
    package89907 (1.0.0)
    package89908 (1.0.0)
    package89909 (1.0.0)
    package89910 (1.0.0)
    package89911 (1.0.0)
    package89912 (1.0.0)
    package89913 (1.0.0)
    package89914 (1.0.0)
    package89915 (1.0.0)
    package89916 (1.0.0)
    package89917 (1.0.0)
    package89918 (1.0.0)
    package89919 (1.0.0)
    package89920 (1.0.0)
    package89921 (1.0.0)
    package89922 (1.0.0)
    package89923 (1.0.0)
    package89924 (1.0.0)
    package89925 (1.0.0)
    package89926 (1.0.0)
    package89927 (1.0.0)
    package89928 (1.0.0)
    package89929 (1.0.0)
    package89930 (1.0.0)
    package89931 (1.0.0)
    package89932 (1.0.0)
    package89933 (1.0.0)
    package89934 (1.0.0)
    package89935 (1.0.0)
    package89936 (1.0.0)
    package89937 (1.0.0)
    package89938 (1.0.0)
    package89939 (1.0.0)
    package89940 (1.0.0)
    package89941 (1.0.0)
    package89942 (1.0.0)
    package89943 (1.0.0)
    package89944 (1.0.0)
    package89945 (1.0.0)
    package89946 (1.0.0)
    package89947 (1.0.0)
    package89948 (1.0.0)
    package89949 (1.0.0)
    package89950 (1.0.0)
    package89951 (1.0.0)
    package89952 (1.0.0)
    package89953 (1.0.0)
    package89954 (1.0.0)
    package89955 (1.0.0)
    package89956 (1.0.0)
    package89957 (1.0.0)
    package89958 (1.0.0)
    package89959 (1.0.0)
    package89960 (1.0.0)
    package89961 (1.0.0)
    package89962 (1.0.0)
    package89963 (1.0.0)
    package89964 (1.0.0)
    package89965 (1.0.0)
    package89966 (1.0.0)
    package89967 (1.0.0)
    package89968 (1.0.0)
    package89969 (1.0.0)
    package89970 (1.0.0)
    package89971 (1.0.0)
    package89972 (1.0.0)
    package89973 (1.0.0)
    package89974 (1.0.0)
    package89975 (1.0.0)
    package89976 (1.0.0)
    package89977 (1.0.0)
    package89978 (1.0.0)
    package89979 (1.0.0)
    package89980 (1.0.0)
    package89981 (1.0.0)
    package89982 (1.0.0)
    package89983 (1.0.0)
    package89984 (1.0.0)
    package89985 (1.0.0)
    package89986 (1.0.0)
    package89987 (1.0.0)
    package89988 (1.0.0)
    package89989 (1.0.0)
    package89990 (1.0.0)
    package89991 (1.0.0)
    package89992 (1.0.0)
    package89993 (1.0.0)
    package89994 (1.0.0)
    package89995 (1.0.0)
    package89996 (1.0.0)
    package89997 (1.0.0)
    package89998 (1.0.0)
    package89999 (1.0.0)
    package90000 (1.0.0)
    package90001 (1.0.0)
    package90002 (1.0.0)
    package90003 (1.0.0)
    package90004 (1.0.0)
    package90005 (1.0.0)
    package90006 (1.0.0)
    package90007 (1.0.0)
    package90008 (1.0.0)
    package90009 (1.0.0)
    package90010 (1.0.0)
    package90011 (1.0.0)
    package90012 (1.0.0)
    package90013 (1.0.0)
    package90014 (1.0.0)
    package90015 (1.0.0)
    package90016 (1.0.0)
    package90017 (1.0.0)
    package90018 (1.0.0)
    package90019 (1.0.0)
    package90020 (1.0.0)
    package90021 (1.0.0)
    package90022 (1.0.0)
    package90023 (1.0.0)
    package90024 (1.0.0)
    package90025 (1.0.0)
    package90026 (1.0.0)
    package90027 (1.0.0)
    package90028 (1.0.0)
    package90029 (1.0.0)
    package90030 (1.0.0)
    package90031 (1.0.0)
    package90032 (1.0.0)
    package90033 (1.0.0)
    package90034 (1.0.0)
    package90035 (1.0.0)
    package90036 (1.0.0)
    package90037 (1.0.0)
    package90038 (1.0.0)
    package90039 (1.0.0)
    package90040 (1.0.0)
    package90041 (1.0.0)
    package90042 (1.0.0)
    package90043 (1.0.0)
    package90044 (1.0.0)
    package90045 (1.0.0)
    package90046 (1.0.0)
    package90047 (1.0.0)
    package90048 (1.0.0)
    package90049 (1.0.0)
    package90050 (1.0.0)
    package90051 (1.0.0)
    package90052 (1.0.0)
    package90053 (1.0.0)
    package90054 (1.0.0)
    package90055 (1.0.0)
    package90056 (1.0.0)
    package90057 (1.0.0)
    package90058 (1.0.0)
    package90059 (1.0.0)
    package90060 (1.0.0)
    package90061 (1.0.0)
    package90062 (1.0.0)
    package90063 (1.0.0)
    package90064 (1.0.0)
    package90065 (1.0.0)
    package90066 (1.0.0)
    package90067 (1.0.0)
    package90068 (1.0.0)
    package90069 (1.0.0)
    package90070 (1.0.0)
    package90071 (1.0.0)
    package90072 (1.0.0)
    package90073 (1.0.0)
    package90074 (1.0.0)
    package90075 (1.0.0)
    package90076 (1.0.0)
    package90077 (1.0.0)
    package90078 (1.0.0)
    package90079 (1.0.0)
    package90080 (1.0.0)
    package90081 (1.0.0)
    package90082 (1.0.0)
    package90083 (1.0.0)
    package90084 (1.0.0)
    package90085 (1.0.0)
    package90086 (1.0.0)
    package90087 (1.0.0)
    package90088 (1.0.0)
    package90089 (1.0.0)
    package90090 (1.0.0)
    package90091 (1.0.0)
    package90092 (1.0.0)
    package90093 (1.0.0)
    package90094 (1.0.0)
    package90095 (1.0.0)
    package90096 (1.0.0)
    package90097 (1.0.0)
    package90098 (1.0.0)
    package90099 (1.0.0)
    package90100 (1.0.0)
    package90101 (1.0.0)
    package90102 (1.0.0)
    package90103 (1.0.0)
    package90104 (1.0.0)
    package90105 (1.0.0)
    package90106 (1.0.0)
    package90107 (1.0.0)
    package90108 (1.0.0)
    package90109 (1.0.0)
    package90110 (1.0.0)
    package90111 (1.0.0)
    package90112 (1.0.0)
    package90113 (1.0.0)
    package90114 (1.0.0)
    package90115 (1.0.0)
    package90116 (1.0.0)
    package90117 (1.0.0)
    package90118 (1.0.0)
    package90119 (1.0.0)
    package90120 (1.0.0)
    package90121 (1.0.0)
    package90122 (1.0.0)
    package90123 (1.0.0)
    package90124 (1.0.0)
    package90125 (1.0.0)
    package90126 (1.0.0)
    package90127 (1.0.0)
    package90128 (1.0.0)
    package90129 (1.0.0)
    package90130 (1.0.0)
    package90131 (1.0.0)
    package90132 (1.0.0)
    package90133 (1.0.0)
    package90134 (1.0.0)
    package90135 (1.0.0)
    package90136 (1.0.0)
    package90137 (1.0.0)
    package90138 (1.0.0)
    package90139 (1.0.0)
    package90140 (1.0.0)
    package90141 (1.0.0)
    package90142 (1.0.0)
    package90143 (1.0.0)
    package90144 (1.0.0)
    package90145 (1.0.0)
    package90146 (1.0.0)
    package90147 (1.0.0)
    package90148 (1.0.0)
    package90149 (1.0.0)
    package90150 (1.0.0)
    package90151 (1.0.0)
    package90152 (1.0.0)
    package90153 (1.0.0)
    package90154 (1.0.0)
    package90155 (1.0.0)
    package90156 (1.0.0)
    package90157 (1.0.0)
    package90158 (1.0.0)
    package90159 (1.0.0)
    package90160 (1.0.0)
    package90161 (1.0.0)
    package90162 (1.0.0)
    package90163 (1.0.0)
    package90164 (1.0.0)
    package90165 (1.0.0)
    package90166 (1.0.0)
    package90167 (1.0.0)
    package90168 (1.0.0)
    package90169 (1.0.0)
    package90170 (1.0.0)
    package90171 (1.0.0)
    package90172 (1.0.0)
    package90173 (1.0.0)
    package90174 (1.0.0)
    package90175 (1.0.0)
    package90176 (1.0.0)
    package90177 (1.0.0)
    package90178 (1.0.0)
    package90179 (1.0.0)
    package90180 (1.0.0)
    package90181 (1.0.0)
    package90182 (1.0.0)
    package90183 (1.0.0)
    package90184 (1.0.0)
    package90185 (1.0.0)
    package90186 (1.0.0)
    package90187 (1.0.0)
    package90188 (1.0.0)
    package90189 (1.0.0)
    package90190 (1.0.0)
    package90191 (1.0.0)
    package90192 (1.0.0)
    package90193 (1.0.0)
    package90194 (1.0.0)
    package90195 (1.0.0)
    package90196 (1.0.0)
    package90197 (1.0.0)
    package90198 (1.0.0)
    package90199 (1.0.0)
    package90200 (1.0.0)
    package90201 (1.0.0)
    package90202 (1.0.0)
    package90203 (1.0.0)
    package90204 (1.0.0)
    package90205 (1.0.0)
    package90206 (1.0.0)
    package90207 (1.0.0)
    package90208 (1.0.0)
    package90209 (1.0.0)
    package90210 (1.0.0)
    package90211 (1.0.0)
    package90212 (1.0.0)
    package90213 (1.0.0)
    package90214 (1.0.0)
    package90215 (1.0.0)
    package90216 (1.0.0)
    package90217 (1.0.0)
    package90218 (1.0.0)
    package90219 (1.0.0)
    package90220 (1.0.0)
    package90221 (1.0.0)
    package90222 (1.0.0)
    package90223 (1.0.0)
    package90224 (1.0.0)
    package90225 (1.0.0)
    package90226 (1.0.0)
    package90227 (1.0.0)
    package90228 (1.0.0)
    package90229 (1.0.0)
    package90230 (1.0.0)
    package90231 (1.0.0)
    package90232 (1.0.0)
    package90233 (1.0.0)
    package90234 (1.0.0)
    package90235 (1.0.0)
    package90236 (1.0.0)
    package90237 (1.0.0)
    package90238 (1.0.0)
    package90239 (1.0.0)
    package90240 (1.0.0)
    package90241 (1.0.0)
    package90242 (1.0.0)
    package90243 (1.0.0)
    package90244 (1.0.0)
    package90245 (1.0.0)
    package90246 (1.0.0)
    package90247 (1.0.0)
    package90248 (1.0.0)
    package90249 (1.0.0)
    package90250 (1.0.0)
    package90251 (1.0.0)
    package90252 (1.0.0)
    package90253 (1.0.0)
    package90254 (1.0.0)
    package90255 (1.0.0)
    package90256 (1.0.0)
    package90257 (1.0.0)
    package90258 (1.0.0)
    package90259 (1.0.0)
    package90260 (1.0.0)
    package90261 (1.0.0)
    package90262 (1.0.0)
    package90263 (1.0.0)
    package90264 (1.0.0)
    package90265 (1.0.0)
    package90266 (1.0.0)
    package90267 (1.0.0)
    package90268 (1.0.0)
    package90269 (1.0.0)
    package90270 (1.0.0)
    package90271 (1.0.0)
    package90272 (1.0.0)
    package90273 (1.0.0)
    package90274 (1.0.0)
    package90275 (1.0.0)
    package90276 (1.0.0)
    package90277 (1.0.0)
    package90278 (1.0.0)
    package90279 (1.0.0)
    package90280 (1.0.0)
    package90281 (1.0.0)
    package90282 (1.0.0)
    package90283 (1.0.0)
    package90284 (1.0.0)
    package90285 (1.0.0)
    package90286 (1.0.0)
    package90287 (1.0.0)
    package90288 (1.0.0)
    package90289 (1.0.0)
    package90290 (1.0.0)
    package90291 (1.0.0)
    package90292 (1.0.0)
    package90293 (1.0.0)
    package90294 (1.0.0)
    package90295 (1.0.0)
    package90296 (1.0.0)
    package90297 (1.0.0)
    package90298 (1.0.0)
    package90299 (1.0.0)
    package90300 (1.0.0)
    package90301 (1.0.0)
    package90302 (1.0.0)
    package90303 (1.0.0)
    package90304 (1.0.0)
    package90305 (1.0.0)
    package90306 (1.0.0)
    package90307 (1.0.0)
    package90308 (1.0.0)
    package90309 (1.0.0)
    package90310 (1.0.0)
    package90311 (1.0.0)
    package90312 (1.0.0)
    package90313 (1.0.0)
    package90314 (1.0.0)
    package90315 (1.0.0)
    package90316 (1.0.0)
    package90317 (1.0.0)
    package90318 (1.0.0)
    package90319 (1.0.0)
    package90320 (1.0.0)
    package90321 (1.0.0)
    package90322 (1.0.0)
    package90323 (1.0.0)
    package90324 (1.0.0)
    package90325 (1.0.0)
    package90326 (1.0.0)
    package90327 (1.0.0)
    package90328 (1.0.0)
    package90329 (1.0.0)
    package90330 (1.0.0)
    package90331 (1.0.0)
    package90332 (1.0.0)
    package90333 (1.0.0)
    package90334 (1.0.0)
    package90335 (1.0.0)
    package90336 (1.0.0)
    package90337 (1.0.0)
    package90338 (1.0.0)
    package90339 (1.0.0)
    package90340 (1.0.0)
    package90341 (1.0.0)
    package90342 (1.0.0)
    package90343 (1.0.0)
    package90344 (1.0.0)
    package90345 (1.0.0)
    package90346 (1.0.0)
    package90347 (1.0.0)
    package90348 (1.0.0)
    package90349 (1.0.0)
    package90350 (1.0.0)
    package90351 (1.0.0)
    package90352 (1.0.0)
    package90353 (1.0.0)
    package90354 (1.0.0)
    package90355 (1.0.0)
    package90356 (1.0.0)
    package90357 (1.0.0)
    package90358 (1.0.0)
    package90359 (1.0.0)
    package90360 (1.0.0)
    package90361 (1.0.0)
    package90362 (1.0.0)
    package90363 (1.0.0)
    package90364 (1.0.0)
    package90365 (1.0.0)
    package90366 (1.0.0)
    package90367 (1.0.0)
    package90368 (1.0.0)
    package90369 (1.0.0)
    package90370 (1.0.0)
    package90371 (1.0.0)
    package90372 (1.0.0)
    package90373 (1.0.0)
    package90374 (1.0.0)
    package90375 (1.0.0)
    package90376 (1.0.0)
    package90377 (1.0.0)
    package90378 (1.0.0)
    package90379 (1.0.0)
    package90380 (1.0.0)
    package90381 (1.0.0)
    package90382 (1.0.0)
    package90383 (1.0.0)
    package90384 (1.0.0)
    package90385 (1.0.0)
    package90386 (1.0.0)
    package90387 (1.0.0)
    package90388 (1.0.0)
    package90389 (1.0.0)
    package90390 (1.0.0)
    package90391 (1.0.0)
    package90392 (1.0.0)
    package90393 (1.0.0)
    package90394 (1.0.0)
    package90395 (1.0.0)
    package90396 (1.0.0)
    package90397 (1.0.0)
    package90398 (1.0.0)
    package90399 (1.0.0)
    package90400 (1.0.0)
    package90401 (1.0.0)
    package90402 (1.0.0)
    package90403 (1.0.0)
    package90404 (1.0.0)
    package90405 (1.0.0)
    package90406 (1.0.0)
    package90407 (1.0.0)
    package90408 (1.0.0)
    package90409 (1.0.0)
    package90410 (1.0.0)
    package90411 (1.0.0)
    package90412 (1.0.0)
    package90413 (1.0.0)
    package90414 (1.0.0)
    package90415 (1.0.0)
    package90416 (1.0.0)
    package90417 (1.0.0)
    package90418 (1.0.0)
    package90419 (1.0.0)
    package90420 (1.0.0)
    package90421 (1.0.0)
    package90422 (1.0.0)
    package90423 (1.0.0)
    package90424 (1.0.0)
    package90425 (1.0.0)
    package90426 (1.0.0)
    package90427 (1.0.0)
    package90428 (1.0.0)
    package90429 (1.0.0)
    package90430 (1.0.0)
    package90431 (1.0.0)
    package90432 (1.0.0)
    package90433 (1.0.0)
    package90434 (1.0.0)
    package90435 (1.0.0)
    package90436 (1.0.0)
    package90437 (1.0.0)
    package90438 (1.0.0)
    package90439 (1.0.0)
    package90440 (1.0.0)
    package90441 (1.0.0)
    package90442 (1.0.0)
    package90443 (1.0.0)
    package90444 (1.0.0)
    package90445 (1.0.0)
    package90446 (1.0.0)
    package90447 (1.0.0)
    package90448 (1.0.0)
    package90449 (1.0.0)
    package90450 (1.0.0)
    package90451 (1.0.0)
    package90452 (1.0.0)
    package90453 (1.0.0)
    package90454 (1.0.0)
    package90455 (1.0.0)
    package90456 (1.0.0)
    package90457 (1.0.0)
    package90458 (1.0.0)
    package90459 (1.0.0)
    package90460 (1.0.0)
    package90461 (1.0.0)
    package90462 (1.0.0)
    package90463 (1.0.0)
    package90464 (1.0.0)
    package90465 (1.0.0)
    package90466 (1.0.0)
    package90467 (1.0.0)
    package90468 (1.0.0)
    package90469 (1.0.0)
    package90470 (1.0.0)
    package90471 (1.0.0)
    package90472 (1.0.0)
    package90473 (1.0.0)
    package90474 (1.0.0)
    package90475 (1.0.0)
    package90476 (1.0.0)
    package90477 (1.0.0)
    package90478 (1.0.0)
    package90479 (1.0.0)
    package90480 (1.0.0)
    package90481 (1.0.0)
    package90482 (1.0.0)
    package90483 (1.0.0)
    package90484 (1.0.0)
    package90485 (1.0.0)
    package90486 (1.0.0)
    package90487 (1.0.0)
    package90488 (1.0.0)
    package90489 (1.0.0)
    package90490 (1.0.0)
    package90491 (1.0.0)
    package90492 (1.0.0)
    package90493 (1.0.0)
    package90494 (1.0.0)
    package90495 (1.0.0)
    package90496 (1.0.0)
    package90497 (1.0.0)
    package90498 (1.0.0)
    package90499 (1.0.0)
    package90500 (1.0.0)
    package90501 (1.0.0)
    package90502 (1.0.0)
    package90503 (1.0.0)
    package90504 (1.0.0)
    package90505 (1.0.0)
    package90506 (1.0.0)
    package90507 (1.0.0)
    package90508 (1.0.0)
    package90509 (1.0.0)
    package90510 (1.0.0)
    package90511 (1.0.0)
    package90512 (1.0.0)
    package90513 (1.0.0)
    package90514 (1.0.0)
    package90515 (1.0.0)
    package90516 (1.0.0)
    package90517 (1.0.0)
    package90518 (1.0.0)
    package90519 (1.0.0)
    package90520 (1.0.0)
    package90521 (1.0.0)
    package90522 (1.0.0)
    package90523 (1.0.0)
    package90524 (1.0.0)
    package90525 (1.0.0)
    package90526 (1.0.0)
    package90527 (1.0.0)
    package90528 (1.0.0)
    package90529 (1.0.0)
    package90530 (1.0.0)
    package90531 (1.0.0)
    package90532 (1.0.0)
    package90533 (1.0.0)
    package90534 (1.0.0)
    package90535 (1.0.0)
    package90536 (1.0.0)
    package90537 (1.0.0)
    package90538 (1.0.0)
    package90539 (1.0.0)
    package90540 (1.0.0)
    package90541 (1.0.0)
    package90542 (1.0.0)
    package90543 (1.0.0)
    package90544 (1.0.0)
    package90545 (1.0.0)
    package90546 (1.0.0)
    package90547 (1.0.0)
    package90548 (1.0.0)
    package90549 (1.0.0)
    package90550 (1.0.0)
    package90551 (1.0.0)
    package90552 (1.0.0)
    package90553 (1.0.0)
    package90554 (1.0.0)
    package90555 (1.0.0)
    package90556 (1.0.0)
    package90557 (1.0.0)
    package90558 (1.0.0)
    package90559 (1.0.0)
    package90560 (1.0.0)
    package90561 (1.0.0)
    package90562 (1.0.0)
    package90563 (1.0.0)
    package90564 (1.0.0)
    package90565 (1.0.0)
    package90566 (1.0.0)
    package90567 (1.0.0)
    package90568 (1.0.0)
    package90569 (1.0.0)
    package90570 (1.0.0)
    package90571 (1.0.0)
    package90572 (1.0.0)
    package90573 (1.0.0)
    package90574 (1.0.0)
    package90575 (1.0.0)
    package90576 (1.0.0)
    package90577 (1.0.0)
    package90578 (1.0.0)
    package90579 (1.0.0)
    package90580 (1.0.0)
    package90581 (1.0.0)
    package90582 (1.0.0)
    package90583 (1.0.0)
    package90584 (1.0.0)
    package90585 (1.0.0)
    package90586 (1.0.0)
    package90587 (1.0.0)
    package90588 (1.0.0)
    package90589 (1.0.0)
    package90590 (1.0.0)
    package90591 (1.0.0)
    package90592 (1.0.0)
    package90593 (1.0.0)
    package90594 (1.0.0)
    package90595 (1.0.0)
    package90596 (1.0.0)
    package90597 (1.0.0)
    package90598 (1.0.0)
    package90599 (1.0.0)
    package90600 (1.0.0)
    package90601 (1.0.0)
    package90602 (1.0.0)
    package90603 (1.0.0)
    package90604 (1.0.0)
    package90605 (1.0.0)
    package90606 (1.0.0)
    package90607 (1.0.0)
    package90608 (1.0.0)
    package90609 (1.0.0)
    package90610 (1.0.0)
    package90611 (1.0.0)
    package90612 (1.0.0)
    package90613 (1.0.0)
    package90614 (1.0.0)
    package90615 (1.0.0)
    package90616 (1.0.0)
    package90617 (1.0.0)
    package90618 (1.0.0)
    package90619 (1.0.0)
    package90620 (1.0.0)
    package90621 (1.0.0)
    package90622 (1.0.0)
    package90623 (1.0.0)
    package90624 (1.0.0)
    package90625 (1.0.0)
    package90626 (1.0.0)
    package90627 (1.0.0)
    package90628 (1.0.0)
    package90629 (1.0.0)
    package90630 (1.0.0)
    package90631 (1.0.0)
    package90632 (1.0.0)
    package90633 (1.0.0)
    package90634 (1.0.0)
    package90635 (1.0.0)
    package90636 (1.0.0)
    package90637 (1.0.0)
    package90638 (1.0.0)
    package90639 (1.0.0)
    package90640 (1.0.0)
    package90641 (1.0.0)
    package90642 (1.0.0)
    package90643 (1.0.0)
    package90644 (1.0.0)
    package90645 (1.0.0)
    package90646 (1.0.0)
    package90647 (1.0.0)
    package90648 (1.0.0)
    package90649 (1.0.0)
    package90650 (1.0.0)
    package90651 (1.0.0)
    package90652 (1.0.0)
    package90653 (1.0.0)
    package90654 (1.0.0)
    package90655 (1.0.0)
    package90656 (1.0.0)
    package90657 (1.0.0)
    package90658 (1.0.0)
    package90659 (1.0.0)
    package90660 (1.0.0)
    package90661 (1.0.0)
    package90662 (1.0.0)
    package90663 (1.0.0)
    package90664 (1.0.0)
    package90665 (1.0.0)
    package90666 (1.0.0)
    package90667 (1.0.0)
    package90668 (1.0.0)
    package90669 (1.0.0)
    package90670 (1.0.0)
    package90671 (1.0.0)
    package90672 (1.0.0)
    package90673 (1.0.0)
    package90674 (1.0.0)
    package90675 (1.0.0)
    package90676 (1.0.0)
    package90677 (1.0.0)
    package90678 (1.0.0)
    package90679 (1.0.0)
    package90680 (1.0.0)
    package90681 (1.0.0)
    package90682 (1.0.0)
    package90683 (1.0.0)
    package90684 (1.0.0)
    package90685 (1.0.0)
    package90686 (1.0.0)
    package90687 (1.0.0)
    package90688 (1.0.0)
    package90689 (1.0.0)
    package90690 (1.0.0)
    package90691 (1.0.0)
    package90692 (1.0.0)
    package90693 (1.0.0)
    package90694 (1.0.0)
    package90695 (1.0.0)
    package90696 (1.0.0)
    package90697 (1.0.0)
    package90698 (1.0.0)
    package90699 (1.0.0)
    package90700 (1.0.0)
    package90701 (1.0.0)
    package90702 (1.0.0)
    package90703 (1.0.0)
    package90704 (1.0.0)
    package90705 (1.0.0)
    package90706 (1.0.0)
    package90707 (1.0.0)
    package90708 (1.0.0)
    package90709 (1.0.0)
    package90710 (1.0.0)
    package90711 (1.0.0)
    package90712 (1.0.0)
    package90713 (1.0.0)
    package90714 (1.0.0)
    package90715 (1.0.0)
    package90716 (1.0.0)
    package90717 (1.0.0)
    package90718 (1.0.0)
    package90719 (1.0.0)
    package90720 (1.0.0)
    package90721 (1.0.0)
    package90722 (1.0.0)
    package90723 (1.0.0)
    package90724 (1.0.0)
    package90725 (1.0.0)
    package90726 (1.0.0)
    package90727 (1.0.0)
    package90728 (1.0.0)
    package90729 (1.0.0)
    package90730 (1.0.0)
    package90731 (1.0.0)
    package90732 (1.0.0)
    package90733 (1.0.0)
    package90734 (1.0.0)
    package90735 (1.0.0)
    package90736 (1.0.0)
    package90737 (1.0.0)
    package90738 (1.0.0)
    package90739 (1.0.0)
    package90740 (1.0.0)
    package90741 (1.0.0)
    package90742 (1.0.0)
    package90743 (1.0.0)
    package90744 (1.0.0)
    package90745 (1.0.0)
    package90746 (1.0.0)
    package90747 (1.0.0)
    package90748 (1.0.0)
    package90749 (1.0.0)
    package90750 (1.0.0)
    package90751 (1.0.0)
    package90752 (1.0.0)
    package90753 (1.0.0)
    package90754 (1.0.0)
    package90755 (1.0.0)
    package90756 (1.0.0)
    package90757 (1.0.0)
    package90758 (1.0.0)
    package90759 (1.0.0)
    package90760 (1.0.0)
    package90761 (1.0.0)
    package90762 (1.0.0)
    package90763 (1.0.0)
    package90764 (1.0.0)
    package90765 (1.0.0)
    package90766 (1.0.0)
    package90767 (1.0.0)
    package90768 (1.0.0)
    package90769 (1.0.0)
    package90770 (1.0.0)
    package90771 (1.0.0)
    package90772 (1.0.0)
    package90773 (1.0.0)
    package90774 (1.0.0)
    package90775 (1.0.0)
    package90776 (1.0.0)
    package90777 (1.0.0)
    package90778 (1.0.0)
    package90779 (1.0.0)
    package90780 (1.0.0)
    package90781 (1.0.0)
    package90782 (1.0.0)
    package90783 (1.0.0)
    package90784 (1.0.0)
    package90785 (1.0.0)
    package90786 (1.0.0)
    package90787 (1.0.0)
    package90788 (1.0.0)
    package90789 (1.0.0)
    package90790 (1.0.0)
    package90791 (1.0.0)
    package90792 (1.0.0)
    package90793 (1.0.0)
    package90794 (1.0.0)
    package90795 (1.0.0)
    package90796 (1.0.0)
    package90797 (1.0.0)
    package90798 (1.0.0)
    package90799 (1.0.0)
    package90800 (1.0.0)
    package90801 (1.0.0)
    package90802 (1.0.0)
    package90803 (1.0.0)
    package90804 (1.0.0)
    package90805 (1.0.0)
    package90806 (1.0.0)
    package90807 (1.0.0)
    package90808 (1.0.0)
    package90809 (1.0.0)
    package90810 (1.0.0)
    package90811 (1.0.0)
    package90812 (1.0.0)
    package90813 (1.0.0)
    package90814 (1.0.0)
    package90815 (1.0.0)
    package90816 (1.0.0)
    package90817 (1.0.0)
    package90818 (1.0.0)
    package90819 (1.0.0)
    package90820 (1.0.0)
    package90821 (1.0.0)
    package90822 (1.0.0)
    package90823 (1.0.0)
    package90824 (1.0.0)
    package90825 (1.0.0)
    package90826 (1.0.0)
    package90827 (1.0.0)
    package90828 (1.0.0)
    package90829 (1.0.0)
    package90830 (1.0.0)
    package90831 (1.0.0)
    package90832 (1.0.0)
    package90833 (1.0.0)
    package90834 (1.0.0)
    package90835 (1.0.0)
    package90836 (1.0.0)
    package90837 (1.0.0)
    package90838 (1.0.0)
    package90839 (1.0.0)
    package90840 (1.0.0)
    package90841 (1.0.0)
    package90842 (1.0.0)
    package90843 (1.0.0)
    package90844 (1.0.0)
    package90845 (1.0.0)
    package90846 (1.0.0)
    package90847 (1.0.0)
    package90848 (1.0.0)
    package90849 (1.0.0)
    package90850 (1.0.0)
    package90851 (1.0.0)
    package90852 (1.0.0)
    package90853 (1.0.0)
    package90854 (1.0.0)
    package90855 (1.0.0)
    package90856 (1.0.0)
    package90857 (1.0.0)
    package90858 (1.0.0)
    package90859 (1.0.0)
    package90860 (1.0.0)
    package90861 (1.0.0)
    package90862 (1.0.0)
    package90863 (1.0.0)
    package90864 (1.0.0)
    package90865 (1.0.0)
    package90866 (1.0.0)
    package90867 (1.0.0)
    package90868 (1.0.0)
    package90869 (1.0.0)
    package90870 (1.0.0)
    package90871 (1.0.0)
    package90872 (1.0.0)
    package90873 (1.0.0)
    package90874 (1.0.0)
    package90875 (1.0.0)
    package90876 (1.0.0)
    package90877 (1.0.0)
    package90878 (1.0.0)
    package90879 (1.0.0)
    package90880 (1.0.0)
    package90881 (1.0.0)
    package90882 (1.0.0)
    package90883 (1.0.0)
    package90884 (1.0.0)
    package90885 (1.0.0)
    package90886 (1.0.0)
    package90887 (1.0.0)
    package90888 (1.0.0)
    package90889 (1.0.0)
    package90890 (1.0.0)
    package90891 (1.0.0)
    package90892 (1.0.0)
    package90893 (1.0.0)
    package90894 (1.0.0)
    package90895 (1.0.0)
    package90896 (1.0.0)
    package90897 (1.0.0)
    package90898 (1.0.0)
    package90899 (1.0.0)
    package90900 (1.0.0)
    package90901 (1.0.0)
    package90902 (1.0.0)
    package90903 (1.0.0)
    package90904 (1.0.0)
    package90905 (1.0.0)
    package90906 (1.0.0)
    package90907 (1.0.0)
    package90908 (1.0.0)
    package90909 (1.0.0)
    package90910 (1.0.0)
    package90911 (1.0.0)
    package90912 (1.0.0)
    package90913 (1.0.0)
    package90914 (1.0.0)
    package90915 (1.0.0)
    package90916 (1.0.0)
    package90917 (1.0.0)
    package90918 (1.0.0)
    package90919 (1.0.0)
    package90920 (1.0.0)
    package90921 (1.0.0)
    package90922 (1.0.0)
    package90923 (1.0.0)
    package90924 (1.0.0)
    package90925 (1.0.0)
    package90926 (1.0.0)
    package90927 (1.0.0)
    package90928 (1.0.0)
    package90929 (1.0.0)
    package90930 (1.0.0)
    package90931 (1.0.0)
    package90932 (1.0.0)
    package90933 (1.0.0)
    package90934 (1.0.0)
    package90935 (1.0.0)
    package90936 (1.0.0)
    package90937 (1.0.0)
    package90938 (1.0.0)
    package90939 (1.0.0)
    package90940 (1.0.0)
    package90941 (1.0.0)
    package90942 (1.0.0)
    package90943 (1.0.0)
    package90944 (1.0.0)
    package90945 (1.0.0)
    package90946 (1.0.0)
    package90947 (1.0.0)
    package90948 (1.0.0)
    package90949 (1.0.0)
    package90950 (1.0.0)
    package90951 (1.0.0)
    package90952 (1.0.0)
    package90953 (1.0.0)
    package90954 (1.0.0)
    package90955 (1.0.0)
    package90956 (1.0.0)
    package90957 (1.0.0)
    package90958 (1.0.0)
    package90959 (1.0.0)
    package90960 (1.0.0)
    package90961 (1.0.0)
    package90962 (1.0.0)
    package90963 (1.0.0)
    package90964 (1.0.0)
    package90965 (1.0.0)
    package90966 (1.0.0)
    package90967 (1.0.0)
    package90968 (1.0.0)
    package90969 (1.0.0)
    package90970 (1.0.0)
    package90971 (1.0.0)
    package90972 (1.0.0)
    package90973 (1.0.0)
    package90974 (1.0.0)
    package90975 (1.0.0)
    package90976 (1.0.0)
    package90977 (1.0.0)
    package90978 (1.0.0)
    package90979 (1.0.0)
    package90980 (1.0.0)
    package90981 (1.0.0)
    package90982 (1.0.0)
    package90983 (1.0.0)
    package90984 (1.0.0)
    package90985 (1.0.0)
    package90986 (1.0.0)
    package90987 (1.0.0)
    package90988 (1.0.0)
    package90989 (1.0.0)
    package90990 (1.0.0)
    package90991 (1.0.0)
    package90992 (1.0.0)
    package90993 (1.0.0)
    package90994 (1.0.0)
    package90995 (1.0.0)
    package90996 (1.0.0)
    package90997 (1.0.0)
    package90998 (1.0.0)
    package90999 (1.0.0)
    package91000 (1.0.0)
    package91001 (1.0.0)
    package91002 (1.0.0)
    package91003 (1.0.0)
    package91004 (1.0.0)
    package91005 (1.0.0)
    package91006 (1.0.0)
    package91007 (1.0.0)
    package91008 (1.0.0)
    package91009 (1.0.0)
    package91010 (1.0.0)
    package91011 (1.0.0)
    package91012 (1.0.0)
    package91013 (1.0.0)
    package91014 (1.0.0)
    package91015 (1.0.0)
    package91016 (1.0.0)
    package91017 (1.0.0)
    package91018 (1.0.0)
    package91019 (1.0.0)
    package91020 (1.0.0)
    package91021 (1.0.0)
    package91022 (1.0.0)
    package91023 (1.0.0)
    package91024 (1.0.0)
    package91025 (1.0.0)
    package91026 (1.0.0)
    package91027 (1.0.0)
    package91028 (1.0.0)
    package91029 (1.0.0)
    package91030 (1.0.0)
    package91031 (1.0.0)
    package91032 (1.0.0)
    package91033 (1.0.0)
    package91034 (1.0.0)
    package91035 (1.0.0)
    package91036 (1.0.0)
    package91037 (1.0.0)
    package91038 (1.0.0)
    package91039 (1.0.0)
    package91040 (1.0.0)
    package91041 (1.0.0)
    package91042 (1.0.0)
    package91043 (1.0.0)
    package91044 (1.0.0)
    package91045 (1.0.0)
    package91046 (1.0.0)
    package91047 (1.0.0)
    package91048 (1.0.0)
    package91049 (1.0.0)
    package91050 (1.0.0)
    package91051 (1.0.0)
    package91052 (1.0.0)
    package91053 (1.0.0)
    package91054 (1.0.0)
    package91055 (1.0.0)
    package91056 (1.0.0)
    package91057 (1.0.0)
    package91058 (1.0.0)
    package91059 (1.0.0)
    package91060 (1.0.0)
    package91061 (1.0.0)
    package91062 (1.0.0)
    package91063 (1.0.0)
    package91064 (1.0.0)
    package91065 (1.0.0)
    package91066 (1.0.0)
    package91067 (1.0.0)
    package91068 (1.0.0)
    package91069 (1.0.0)
    package91070 (1.0.0)
    package91071 (1.0.0)
    package91072 (1.0.0)
    package91073 (1.0.0)
    package91074 (1.0.0)
    package91075 (1.0.0)
    package91076 (1.0.0)
    package91077 (1.0.0)
    package91078 (1.0.0)
    package91079 (1.0.0)
    package91080 (1.0.0)
    package91081 (1.0.0)
    package91082 (1.0.0)
    package91083 (1.0.0)
    package91084 (1.0.0)
    package91085 (1.0.0)
    package91086 (1.0.0)
    package91087 (1.0.0)
    package91088 (1.0.0)
    package91089 (1.0.0)
    package91090 (1.0.0)
    package91091 (1.0.0)
    package91092 (1.0.0)
    package91093 (1.0.0)
    package91094 (1.0.0)
    package91095 (1.0.0)
    package91096 (1.0.0)
    package91097 (1.0.0)
    package91098 (1.0.0)
    package91099 (1.0.0)
    package91100 (1.0.0)
    package91101 (1.0.0)
    package91102 (1.0.0)
    package91103 (1.0.0)
    package91104 (1.0.0)
    package91105 (1.0.0)
    package91106 (1.0.0)
    package91107 (1.0.0)
    package91108 (1.0.0)
    package91109 (1.0.0)
    package91110 (1.0.0)
    package91111 (1.0.0)
    package91112 (1.0.0)
    package91113 (1.0.0)
    package91114 (1.0.0)
    package91115 (1.0.0)
    package91116 (1.0.0)
    package91117 (1.0.0)
    package91118 (1.0.0)
    package91119 (1.0.0)
    package91120 (1.0.0)
    package91121 (1.0.0)
    package91122 (1.0.0)
    package91123 (1.0.0)
    package91124 (1.0.0)
    package91125 (1.0.0)
    package91126 (1.0.0)
    package91127 (1.0.0)
    package91128 (1.0.0)
    package91129 (1.0.0)
    package91130 (1.0.0)
    package91131 (1.0.0)
    package91132 (1.0.0)
    package91133 (1.0.0)
    package91134 (1.0.0)
    package91135 (1.0.0)
    package91136 (1.0.0)
    package91137 (1.0.0)
    package91138 (1.0.0)
    package91139 (1.0.0)
    package91140 (1.0.0)
    package91141 (1.0.0)
    package91142 (1.0.0)
    package91143 (1.0.0)
    package91144 (1.0.0)
    package91145 (1.0.0)
    package91146 (1.0.0)
    package91147 (1.0.0)
    package91148 (1.0.0)
    package91149 (1.0.0)
    package91150 (1.0.0)
    package91151 (1.0.0)
    package91152 (1.0.0)
    package91153 (1.0.0)
    package91154 (1.0.0)
    package91155 (1.0.0)
    package91156 (1.0.0)
    package91157 (1.0.0)
    package91158 (1.0.0)
    package91159 (1.0.0)
    package91160 (1.0.0)
    package91161 (1.0.0)
    package91162 (1.0.0)
    package91163 (1.0.0)
    package91164 (1.0.0)
    package91165 (1.0.0)
    package91166 (1.0.0)
    package91167 (1.0.0)
    package91168 (1.0.0)
    package91169 (1.0.0)
    package91170 (1.0.0)
    package91171 (1.0.0)
    package91172 (1.0.0)
    package91173 (1.0.0)
    package91174 (1.0.0)
    package91175 (1.0.0)
    package91176 (1.0.0)
    package91177 (1.0.0)
    package91178 (1.0.0)
    package91179 (1.0.0)
    package91180 (1.0.0)
    package91181 (1.0.0)
    package91182 (1.0.0)
    package91183 (1.0.0)
    package91184 (1.0.0)
    package91185 (1.0.0)
    package91186 (1.0.0)
    package91187 (1.0.0)
    package91188 (1.0.0)
    package91189 (1.0.0)
    package91190 (1.0.0)
    package91191 (1.0.0)
    package91192 (1.0.0)
    package91193 (1.0.0)
    package91194 (1.0.0)
    package91195 (1.0.0)
    package91196 (1.0.0)
    package91197 (1.0.0)
    package91198 (1.0.0)
    package91199 (1.0.0)
    package91200 (1.0.0)
    package91201 (1.0.0)
    package91202 (1.0.0)
    package91203 (1.0.0)
    package91204 (1.0.0)
    package91205 (1.0.0)
    package91206 (1.0.0)
    package91207 (1.0.0)
    package91208 (1.0.0)
    package91209 (1.0.0)
    package91210 (1.0.0)
    package91211 (1.0.0)
    package91212 (1.0.0)
    package91213 (1.0.0)
    package91214 (1.0.0)
    package91215 (1.0.0)
    package91216 (1.0.0)
    package91217 (1.0.0)
    package91218 (1.0.0)
    package91219 (1.0.0)
    package91220 (1.0.0)
    package91221 (1.0.0)
    package91222 (1.0.0)
    package91223 (1.0.0)
    package91224 (1.0.0)
    package91225 (1.0.0)
    package91226 (1.0.0)
    package91227 (1.0.0)
    package91228 (1.0.0)
    package91229 (1.0.0)
    package91230 (1.0.0)
    package91231 (1.0.0)
    package91232 (1.0.0)
    package91233 (1.0.0)
    package91234 (1.0.0)
    package91235 (1.0.0)
    package91236 (1.0.0)
    package91237 (1.0.0)
    package91238 (1.0.0)
    package91239 (1.0.0)
    package91240 (1.0.0)
    package91241 (1.0.0)
    package91242 (1.0.0)
    package91243 (1.0.0)
    package91244 (1.0.0)
    package91245 (1.0.0)
    package91246 (1.0.0)
    package91247 (1.0.0)
    package91248 (1.0.0)
    package91249 (1.0.0)
    package91250 (1.0.0)
    package91251 (1.0.0)
    package91252 (1.0.0)
    package91253 (1.0.0)
    package91254 (1.0.0)
    package91255 (1.0.0)
    package91256 (1.0.0)
    package91257 (1.0.0)
    package91258 (1.0.0)
    package91259 (1.0.0)
    package91260 (1.0.0)
    package91261 (1.0.0)
    package91262 (1.0.0)
    package91263 (1.0.0)
    package91264 (1.0.0)
    package91265 (1.0.0)
    package91266 (1.0.0)
    package91267 (1.0.0)
    package91268 (1.0.0)
    package91269 (1.0.0)
    package91270 (1.0.0)
    package91271 (1.0.0)
    package91272 (1.0.0)
    package91273 (1.0.0)
    package91274 (1.0.0)
    package91275 (1.0.0)
    package91276 (1.0.0)
    package91277 (1.0.0)
    package91278 (1.0.0)
    package91279 (1.0.0)
    package91280 (1.0.0)
    package91281 (1.0.0)
    package91282 (1.0.0)
    package91283 (1.0.0)
    package91284 (1.0.0)
    package91285 (1.0.0)
    package91286 (1.0.0)
    package91287 (1.0.0)
    package91288 (1.0.0)
    package91289 (1.0.0)
    package91290 (1.0.0)
    package91291 (1.0.0)
    package91292 (1.0.0)
    package91293 (1.0.0)
    package91294 (1.0.0)
    package91295 (1.0.0)
    package91296 (1.0.0)
    package91297 (1.0.0)
    package91298 (1.0.0)
    package91299 (1.0.0)
    package91300 (1.0.0)
    package91301 (1.0.0)
    package91302 (1.0.0)
    package91303 (1.0.0)
    package91304 (1.0.0)
    package91305 (1.0.0)
    package91306 (1.0.0)
    package91307 (1.0.0)
    package91308 (1.0.0)
    package91309 (1.0.0)
    package91310 (1.0.0)
    package91311 (1.0.0)
    package91312 (1.0.0)
    package91313 (1.0.0)
    package91314 (1.0.0)
    package91315 (1.0.0)
    package91316 (1.0.0)
    package91317 (1.0.0)
    package91318 (1.0.0)
    package91319 (1.0.0)
    package91320 (1.0.0)
    package91321 (1.0.0)
    package91322 (1.0.0)
    package91323 (1.0.0)
    package91324 (1.0.0)
    package91325 (1.0.0)
    package91326 (1.0.0)
    package91327 (1.0.0)
    package91328 (1.0.0)
    package91329 (1.0.0)
    package91330 (1.0.0)
    package91331 (1.0.0)
    package91332 (1.0.0)
    package91333 (1.0.0)
    package91334 (1.0.0)
    package91335 (1.0.0)
    package91336 (1.0.0)
    package91337 (1.0.0)
    package91338 (1.0.0)
    package91339 (1.0.0)
    package91340 (1.0.0)
    package91341 (1.0.0)
    package91342 (1.0.0)
    package91343 (1.0.0)
    package91344 (1.0.0)
    package91345 (1.0.0)
    package91346 (1.0.0)
    package91347 (1.0.0)
    package91348 (1.0.0)
    package91349 (1.0.0)
    package91350 (1.0.0)
    package91351 (1.0.0)
    package91352 (1.0.0)
    package91353 (1.0.0)
    package91354 (1.0.0)
    package91355 (1.0.0)
    package91356 (1.0.0)
    package91357 (1.0.0)
    package91358 (1.0.0)
    package91359 (1.0.0)
    package91360 (1.0.0)
    package91361 (1.0.0)
    package91362 (1.0.0)
    package91363 (1.0.0)
    package91364 (1.0.0)
    package91365 (1.0.0)
    package91366 (1.0.0)
    package91367 (1.0.0)
    package91368 (1.0.0)
    package91369 (1.0.0)
    package91370 (1.0.0)
    package91371 (1.0.0)
    package91372 (1.0.0)
    package91373 (1.0.0)
    package91374 (1.0.0)
    package91375 (1.0.0)
    package91376 (1.0.0)
    package91377 (1.0.0)
    package91378 (1.0.0)
    package91379 (1.0.0)
    package91380 (1.0.0)
    package91381 (1.0.0)
    package91382 (1.0.0)
    package91383 (1.0.0)
    package91384 (1.0.0)
    package91385 (1.0.0)
    package91386 (1.0.0)
    package91387 (1.0.0)
    package91388 (1.0.0)
    package91389 (1.0.0)
    package91390 (1.0.0)
    package91391 (1.0.0)
    package91392 (1.0.0)
    package91393 (1.0.0)
    package91394 (1.0.0)
    package91395 (1.0.0)
    package91396 (1.0.0)
    package91397 (1.0.0)
    package91398 (1.0.0)
    package91399 (1.0.0)
    package91400 (1.0.0)
    package91401 (1.0.0)
    package91402 (1.0.0)
    package91403 (1.0.0)
    package91404 (1.0.0)
    package91405 (1.0.0)
    package91406 (1.0.0)
    package91407 (1.0.0)
    package91408 (1.0.0)
    package91409 (1.0.0)
    package91410 (1.0.0)
    package91411 (1.0.0)
    package91412 (1.0.0)
    package91413 (1.0.0)
    package91414 (1.0.0)
    package91415 (1.0.0)
    package91416 (1.0.0)
    package91417 (1.0.0)
    package91418 (1.0.0)
    package91419 (1.0.0)
    package91420 (1.0.0)
    package91421 (1.0.0)
    package91422 (1.0.0)
    package91423 (1.0.0)
    package91424 (1.0.0)
    package91425 (1.0.0)
    package91426 (1.0.0)
    package91427 (1.0.0)
    package91428 (1.0.0)
    package91429 (1.0.0)
    package91430 (1.0.0)
    package91431 (1.0.0)
    package91432 (1.0.0)
    package91433 (1.0.0)
    package91434 (1.0.0)
    package91435 (1.0.0)
    package91436 (1.0.0)
    package91437 (1.0.0)
    package91438 (1.0.0)
    package91439 (1.0.0)
    package91440 (1.0.0)
    package91441 (1.0.0)
    package91442 (1.0.0)
    package91443 (1.0.0)
    package91444 (1.0.0)
    package91445 (1.0.0)
    package91446 (1.0.0)
    package91447 (1.0.0)
    package91448 (1.0.0)
    package91449 (1.0.0)
    package91450 (1.0.0)
    package91451 (1.0.0)
    package91452 (1.0.0)
    package91453 (1.0.0)
    package91454 (1.0.0)
    package91455 (1.0.0)
    package91456 (1.0.0)
    package91457 (1.0.0)
    package91458 (1.0.0)
    package91459 (1.0.0)
    package91460 (1.0.0)
    package91461 (1.0.0)
    package91462 (1.0.0)
    package91463 (1.0.0)
    package91464 (1.0.0)
    package91465 (1.0.0)
    package91466 (1.0.0)
    package91467 (1.0.0)
    package91468 (1.0.0)
    package91469 (1.0.0)
    package91470 (1.0.0)
    package91471 (1.0.0)
    package91472 (1.0.0)
    package91473 (1.0.0)
    package91474 (1.0.0)
    package91475 (1.0.0)
    package91476 (1.0.0)
    package91477 (1.0.0)
    package91478 (1.0.0)
    package91479 (1.0.0)
    package91480 (1.0.0)
    package91481 (1.0.0)
    package91482 (1.0.0)
    package91483 (1.0.0)
    package91484 (1.0.0)
    package91485 (1.0.0)
    package91486 (1.0.0)
    package91487 (1.0.0)
    package91488 (1.0.0)
    package91489 (1.0.0)
    package91490 (1.0.0)
    package91491 (1.0.0)
    package91492 (1.0.0)
    package91493 (1.0.0)
    package91494 (1.0.0)
    package91495 (1.0.0)
    package91496 (1.0.0)
    package91497 (1.0.0)
    package91498 (1.0.0)
    package91499 (1.0.0)
    package91500 (1.0.0)
    package91501 (1.0.0)
    package91502 (1.0.0)
    package91503 (1.0.0)
    package91504 (1.0.0)
    package91505 (1.0.0)
    package91506 (1.0.0)
    package91507 (1.0.0)
    package91508 (1.0.0)
    package91509 (1.0.0)
    package91510 (1.0.0)
    package91511 (1.0.0)
    package91512 (1.0.0)
    package91513 (1.0.0)
    package91514 (1.0.0)
    package91515 (1.0.0)
    package91516 (1.0.0)
    package91517 (1.0.0)
    package91518 (1.0.0)
    package91519 (1.0.0)
    package91520 (1.0.0)
    package91521 (1.0.0)
    package91522 (1.0.0)
    package91523 (1.0.0)
    package91524 (1.0.0)
    package91525 (1.0.0)
    package91526 (1.0.0)
    package91527 (1.0.0)
    package91528 (1.0.0)
    package91529 (1.0.0)
    package91530 (1.0.0)
    package91531 (1.0.0)
    package91532 (1.0.0)
    package91533 (1.0.0)
    package91534 (1.0.0)
    package91535 (1.0.0)
    package91536 (1.0.0)
    package91537 (1.0.0)
    package91538 (1.0.0)
    package91539 (1.0.0)
    package91540 (1.0.0)
    package91541 (1.0.0)
    package91542 (1.0.0)
    package91543 (1.0.0)
    package91544 (1.0.0)
    package91545 (1.0.0)
    package91546 (1.0.0)
    package91547 (1.0.0)
    package91548 (1.0.0)
    package91549 (1.0.0)
    package91550 (1.0.0)
    package91551 (1.0.0)
    package91552 (1.0.0)
    package91553 (1.0.0)
    package91554 (1.0.0)
    package91555 (1.0.0)
    package91556 (1.0.0)
    package91557 (1.0.0)
    package91558 (1.0.0)
    package91559 (1.0.0)
    package91560 (1.0.0)
    package91561 (1.0.0)
    package91562 (1.0.0)
    package91563 (1.0.0)
    package91564 (1.0.0)
    package91565 (1.0.0)
    package91566 (1.0.0)
    package91567 (1.0.0)
    package91568 (1.0.0)
    package91569 (1.0.0)
    package91570 (1.0.0)
    package91571 (1.0.0)
    package91572 (1.0.0)
    package91573 (1.0.0)
    package91574 (1.0.0)
    package91575 (1.0.0)
    package91576 (1.0.0)
    package91577 (1.0.0)
    package91578 (1.0.0)
    package91579 (1.0.0)
    package91580 (1.0.0)
    package91581 (1.0.0)
    package91582 (1.0.0)
    package91583 (1.0.0)
    package91584 (1.0.0)
    package91585 (1.0.0)
    package91586 (1.0.0)
    package91587 (1.0.0)
    package91588 (1.0.0)
    package91589 (1.0.0)
    package91590 (1.0.0)
    package91591 (1.0.0)
    package91592 (1.0.0)
    package91593 (1.0.0)
    package91594 (1.0.0)
    package91595 (1.0.0)
    package91596 (1.0.0)
    package91597 (1.0.0)
    package91598 (1.0.0)
    package91599 (1.0.0)
    package91600 (1.0.0)
    package91601 (1.0.0)
    package91602 (1.0.0)
    package91603 (1.0.0)
    package91604 (1.0.0)
    package91605 (1.0.0)
    package91606 (1.0.0)
    package91607 (1.0.0)
    package91608 (1.0.0)
    package91609 (1.0.0)
    package91610 (1.0.0)
    package91611 (1.0.0)
    package91612 (1.0.0)
    package91613 (1.0.0)
    package91614 (1.0.0)
    package91615 (1.0.0)
    package91616 (1.0.0)
    package91617 (1.0.0)
    package91618 (1.0.0)
    package91619 (1.0.0)
    package91620 (1.0.0)
    package91621 (1.0.0)
    package91622 (1.0.0)
    package91623 (1.0.0)
    package91624 (1.0.0)
    package91625 (1.0.0)
    package91626 (1.0.0)
    package91627 (1.0.0)
    package91628 (1.0.0)
    package91629 (1.0.0)
    package91630 (1.0.0)
    package91631 (1.0.0)
    package91632 (1.0.0)
    package91633 (1.0.0)
    package91634 (1.0.0)
    package91635 (1.0.0)
    package91636 (1.0.0)
    package91637 (1.0.0)
    package91638 (1.0.0)
    package91639 (1.0.0)
    package91640 (1.0.0)
    package91641 (1.0.0)
    package91642 (1.0.0)
    package91643 (1.0.0)
    package91644 (1.0.0)
    package91645 (1.0.0)
    package91646 (1.0.0)
    package91647 (1.0.0)
    package91648 (1.0.0)
    package91649 (1.0.0)
    package91650 (1.0.0)
    package91651 (1.0.0)
    package91652 (1.0.0)
    package91653 (1.0.0)
    package91654 (1.0.0)
    package91655 (1.0.0)
    package91656 (1.0.0)
    package91657 (1.0.0)
    package91658 (1.0.0)
    package91659 (1.0.0)
    package91660 (1.0.0)
    package91661 (1.0.0)
    package91662 (1.0.0)
    package91663 (1.0.0)
    package91664 (1.0.0)
    package91665 (1.0.0)
    package91666 (1.0.0)
    package91667 (1.0.0)
    package91668 (1.0.0)
    package91669 (1.0.0)
    package91670 (1.0.0)
    package91671 (1.0.0)
    package91672 (1.0.0)
    package91673 (1.0.0)
    package91674 (1.0.0)
    package91675 (1.0.0)
    package91676 (1.0.0)
    package91677 (1.0.0)
    package91678 (1.0.0)
    package91679 (1.0.0)
    package91680 (1.0.0)
    package91681 (1.0.0)
    package91682 (1.0.0)
    package91683 (1.0.0)
    package91684 (1.0.0)
    package91685 (1.0.0)
    package91686 (1.0.0)
    package91687 (1.0.0)
    package91688 (1.0.0)
    package91689 (1.0.0)
    package91690 (1.0.0)
    package91691 (1.0.0)
    package91692 (1.0.0)
    package91693 (1.0.0)
    package91694 (1.0.0)
    package91695 (1.0.0)
    package91696 (1.0.0)
    package91697 (1.0.0)
    package91698 (1.0.0)
    package91699 (1.0.0)
    package91700 (1.0.0)
    package91701 (1.0.0)
    package91702 (1.0.0)
    package91703 (1.0.0)
    package91704 (1.0.0)
    package91705 (1.0.0)
    package91706 (1.0.0)
    package91707 (1.0.0)
    package91708 (1.0.0)
    package91709 (1.0.0)
    package91710 (1.0.0)
    package91711 (1.0.0)
    package91712 (1.0.0)
    package91713 (1.0.0)
    package91714 (1.0.0)
    package91715 (1.0.0)
    package91716 (1.0.0)
    package91717 (1.0.0)
    package91718 (1.0.0)
    package91719 (1.0.0)
    package91720 (1.0.0)
    package91721 (1.0.0)
    package91722 (1.0.0)
    package91723 (1.0.0)
    package91724 (1.0.0)
    package91725 (1.0.0)
    package91726 (1.0.0)
    package91727 (1.0.0)
    package91728 (1.0.0)
    package91729 (1.0.0)
    package91730 (1.0.0)
    package91731 (1.0.0)
    package91732 (1.0.0)
    package91733 (1.0.0)
    package91734 (1.0.0)
    package91735 (1.0.0)
    package91736 (1.0.0)
    package91737 (1.0.0)
    package91738 (1.0.0)
    package91739 (1.0.0)
    package91740 (1.0.0)
    package91741 (1.0.0)
    package91742 (1.0.0)
    package91743 (1.0.0)
    package91744 (1.0.0)
    package91745 (1.0.0)
    package91746 (1.0.0)
    package91747 (1.0.0)
    package91748 (1.0.0)
    package91749 (1.0.0)
    package91750 (1.0.0)
    package91751 (1.0.0)
    package91752 (1.0.0)
    package91753 (1.0.0)
    package91754 (1.0.0)
    package91755 (1.0.0)
    package91756 (1.0.0)
    package91757 (1.0.0)
    package91758 (1.0.0)
    package91759 (1.0.0)
    package91760 (1.0.0)
    package91761 (1.0.0)
    package91762 (1.0.0)
    package91763 (1.0.0)
    package91764 (1.0.0)
    package91765 (1.0.0)
    package91766 (1.0.0)
    package91767 (1.0.0)
    package91768 (1.0.0)
    package91769 (1.0.0)
    package91770 (1.0.0)
    package91771 (1.0.0)
    package91772 (1.0.0)
    package91773 (1.0.0)
    package91774 (1.0.0)
    package91775 (1.0.0)
    package91776 (1.0.0)
    package91777 (1.0.0)
    package91778 (1.0.0)
    package91779 (1.0.0)
    package91780 (1.0.0)
    package91781 (1.0.0)
    package91782 (1.0.0)
    package91783 (1.0.0)
    package91784 (1.0.0)
    package91785 (1.0.0)
    package91786 (1.0.0)
    package91787 (1.0.0)
    package91788 (1.0.0)
    package91789 (1.0.0)
    package91790 (1.0.0)
    package91791 (1.0.0)
    package91792 (1.0.0)
    package91793 (1.0.0)
    package91794 (1.0.0)
    package91795 (1.0.0)
    package91796 (1.0.0)
    package91797 (1.0.0)
    package91798 (1.0.0)
    package91799 (1.0.0)
    package91800 (1.0.0)
    package91801 (1.0.0)
    package91802 (1.0.0)
    package91803 (1.0.0)
    package91804 (1.0.0)
    package91805 (1.0.0)
    package91806 (1.0.0)
    package91807 (1.0.0)
    package91808 (1.0.0)
    package91809 (1.0.0)
    package91810 (1.0.0)
    package91811 (1.0.0)
    package91812 (1.0.0)
    package91813 (1.0.0)
    package91814 (1.0.0)
    package91815 (1.0.0)
    package91816 (1.0.0)
    package91817 (1.0.0)
    package91818 (1.0.0)
    package91819 (1.0.0)
    package91820 (1.0.0)
    package91821 (1.0.0)
    package91822 (1.0.0)
    package91823 (1.0.0)
    package91824 (1.0.0)
    package91825 (1.0.0)
    package91826 (1.0.0)
    package91827 (1.0.0)
    package91828 (1.0.0)
    package91829 (1.0.0)
    package91830 (1.0.0)
    package91831 (1.0.0)
    package91832 (1.0.0)
    package91833 (1.0.0)
    package91834 (1.0.0)
    package91835 (1.0.0)
    package91836 (1.0.0)
    package91837 (1.0.0)
    package91838 (1.0.0)
    package91839 (1.0.0)
    package91840 (1.0.0)
    package91841 (1.0.0)
    package91842 (1.0.0)
    package91843 (1.0.0)
    package91844 (1.0.0)
    package91845 (1.0.0)
    package91846 (1.0.0)
    package91847 (1.0.0)
    package91848 (1.0.0)
    package91849 (1.0.0)
    package91850 (1.0.0)
    package91851 (1.0.0)
    package91852 (1.0.0)
    package91853 (1.0.0)
    package91854 (1.0.0)
    package91855 (1.0.0)
    package91856 (1.0.0)
    package91857 (1.0.0)
    package91858 (1.0.0)
    package91859 (1.0.0)
    package91860 (1.0.0)
    package91861 (1.0.0)
    package91862 (1.0.0)
    package91863 (1.0.0)
    package91864 (1.0.0)
    package91865 (1.0.0)
    package91866 (1.0.0)
    package91867 (1.0.0)
    package91868 (1.0.0)
    package91869 (1.0.0)
    package91870 (1.0.0)
    package91871 (1.0.0)
    package91872 (1.0.0)
    package91873 (1.0.0)
    package91874 (1.0.0)
    package91875 (1.0.0)
    package91876 (1.0.0)
    package91877 (1.0.0)
    package91878 (1.0.0)
    package91879 (1.0.0)
    package91880 (1.0.0)
    package91881 (1.0.0)
    package91882 (1.0.0)
    package91883 (1.0.0)
    package91884 (1.0.0)
    package91885 (1.0.0)
    package91886 (1.0.0)
    package91887 (1.0.0)
    package91888 (1.0.0)
    package91889 (1.0.0)
    package91890 (1.0.0)
    package91891 (1.0.0)
    package91892 (1.0.0)
    package91893 (1.0.0)
    package91894 (1.0.0)
    package91895 (1.0.0)
    package91896 (1.0.0)
    package91897 (1.0.0)
    package91898 (1.0.0)
    package91899 (1.0.0)
    package91900 (1.0.0)
    package91901 (1.0.0)
    package91902 (1.0.0)
    package91903 (1.0.0)
    package91904 (1.0.0)
    package91905 (1.0.0)
    package91906 (1.0.0)
    package91907 (1.0.0)
    package91908 (1.0.0)
    package91909 (1.0.0)
    package91910 (1.0.0)
    package91911 (1.0.0)
    package91912 (1.0.0)
    package91913 (1.0.0)
    package91914 (1.0.0)
    package91915 (1.0.0)
    package91916 (1.0.0)
    package91917 (1.0.0)
    package91918 (1.0.0)
    package91919 (1.0.0)
    package91920 (1.0.0)
    package91921 (1.0.0)
    package91922 (1.0.0)
    package91923 (1.0.0)
    package91924 (1.0.0)
    package91925 (1.0.0)
    package91926 (1.0.0)
    package91927 (1.0.0)
    package91928 (1.0.0)
    package91929 (1.0.0)
    package91930 (1.0.0)
    package91931 (1.0.0)
    package91932 (1.0.0)
    package91933 (1.0.0)
    package91934 (1.0.0)
    package91935 (1.0.0)
    package91936 (1.0.0)
    package91937 (1.0.0)
    package91938 (1.0.0)
    package91939 (1.0.0)
    package91940 (1.0.0)
    package91941 (1.0.0)
    package91942 (1.0.0)
    package91943 (1.0.0)
    package91944 (1.0.0)
    package91945 (1.0.0)
    package91946 (1.0.0)
    package91947 (1.0.0)
    package91948 (1.0.0)
    package91949 (1.0.0)
    package91950 (1.0.0)
    package91951 (1.0.0)
    package91952 (1.0.0)
    package91953 (1.0.0)
    package91954 (1.0.0)
    package91955 (1.0.0)
    package91956 (1.0.0)
    package91957 (1.0.0)
    package91958 (1.0.0)
    package91959 (1.0.0)
    package91960 (1.0.0)
    package91961 (1.0.0)
    package91962 (1.0.0)
    package91963 (1.0.0)
    package91964 (1.0.0)
    package91965 (1.0.0)
    package91966 (1.0.0)
    package91967 (1.0.0)
    package91968 (1.0.0)
    package91969 (1.0.0)
    package91970 (1.0.0)
    package91971 (1.0.0)
    package91972 (1.0.0)
    package91973 (1.0.0)
    package91974 (1.0.0)
    package91975 (1.0.0)
    package91976 (1.0.0)
    package91977 (1.0.0)
    package91978 (1.0.0)
    package91979 (1.0.0)
    package91980 (1.0.0)
    package91981 (1.0.0)
    package91982 (1.0.0)
    package91983 (1.0.0)
    package91984 (1.0.0)
    package91985 (1.0.0)
    package91986 (1.0.0)
    package91987 (1.0.0)
    package91988 (1.0.0)
    package91989 (1.0.0)
    package91990 (1.0.0)
    package91991 (1.0.0)
    package91992 (1.0.0)
    package91993 (1.0.0)
    package91994 (1.0.0)
    package91995 (1.0.0)
    package91996 (1.0.0)
    package91997 (1.0.0)
    package91998 (1.0.0)
    package91999 (1.0.0)
    package92000 (1.0.0)
    package92001 (1.0.0)
    package92002 (1.0.0)
    package92003 (1.0.0)
    package92004 (1.0.0)
    package92005 (1.0.0)
    package92006 (1.0.0)
    package92007 (1.0.0)
    package92008 (1.0.0)
    package92009 (1.0.0)
    package92010 (1.0.0)
    package92011 (1.0.0)
    package92012 (1.0.0)
    package92013 (1.0.0)
    package92014 (1.0.0)
    package92015 (1.0.0)
    package92016 (1.0.0)
    package92017 (1.0.0)
    package92018 (1.0.0)
    package92019 (1.0.0)
    package92020 (1.0.0)
    package92021 (1.0.0)
    package92022 (1.0.0)
    package92023 (1.0.0)
    package92024 (1.0.0)
    package92025 (1.0.0)
    package92026 (1.0.0)
    package92027 (1.0.0)
    package92028 (1.0.0)
    package92029 (1.0.0)
    package92030 (1.0.0)
    package92031 (1.0.0)
    package92032 (1.0.0)
    package92033 (1.0.0)
    package92034 (1.0.0)
    package92035 (1.0.0)
    package92036 (1.0.0)
    package92037 (1.0.0)
    package92038 (1.0.0)
    package92039 (1.0.0)
    package92040 (1.0.0)
    package92041 (1.0.0)
    package92042 (1.0.0)
    package92043 (1.0.0)
    package92044 (1.0.0)
    package92045 (1.0.0)
    package92046 (1.0.0)
    package92047 (1.0.0)
    package92048 (1.0.0)
    package92049 (1.0.0)
    package92050 (1.0.0)
    package92051 (1.0.0)
    package92052 (1.0.0)
    package92053 (1.0.0)
    package92054 (1.0.0)
    package92055 (1.0.0)
    package92056 (1.0.0)
    package92057 (1.0.0)
    package92058 (1.0.0)
    package92059 (1.0.0)
    package92060 (1.0.0)
    package92061 (1.0.0)
    package92062 (1.0.0)
    package92063 (1.0.0)
    package92064 (1.0.0)
    package92065 (1.0.0)
    package92066 (1.0.0)
    package92067 (1.0.0)
    package92068 (1.0.0)
    package92069 (1.0.0)
    package92070 (1.0.0)
    package92071 (1.0.0)
    package92072 (1.0.0)
    package92073 (1.0.0)
    package92074 (1.0.0)
    package92075 (1.0.0)
    package92076 (1.0.0)
    package92077 (1.0.0)
    package92078 (1.0.0)
    package92079 (1.0.0)
    package92080 (1.0.0)
    package92081 (1.0.0)
    package92082 (1.0.0)
    package92083 (1.0.0)
    package92084 (1.0.0)
    package92085 (1.0.0)
    package92086 (1.0.0)
    package92087 (1.0.0)
    package92088 (1.0.0)
    package92089 (1.0.0)
    package92090 (1.0.0)
    package92091 (1.0.0)
    package92092 (1.0.0)
    package92093 (1.0.0)
    package92094 (1.0.0)
    package92095 (1.0.0)
    package92096 (1.0.0)
    package92097 (1.0.0)
    package92098 (1.0.0)
    package92099 (1.0.0)
    package92100 (1.0.0)
    package92101 (1.0.0)
    package92102 (1.0.0)
    package92103 (1.0.0)
    package92104 (1.0.0)
    package92105 (1.0.0)
    package92106 (1.0.0)
    package92107 (1.0.0)
    package92108 (1.0.0)
    package92109 (1.0.0)
    package92110 (1.0.0)
    package92111 (1.0.0)
    package92112 (1.0.0)
    package92113 (1.0.0)
    package92114 (1.0.0)
    package92115 (1.0.0)
    package92116 (1.0.0)
    package92117 (1.0.0)
    package92118 (1.0.0)
    package92119 (1.0.0)
    package92120 (1.0.0)
    package92121 (1.0.0)
    package92122 (1.0.0)
    package92123 (1.0.0)
    package92124 (1.0.0)
    package92125 (1.0.0)
    package92126 (1.0.0)
    package92127 (1.0.0)
    package92128 (1.0.0)
    package92129 (1.0.0)
    package92130 (1.0.0)
    package92131 (1.0.0)
    package92132 (1.0.0)
    package92133 (1.0.0)
    package92134 (1.0.0)
    package92135 (1.0.0)
    package92136 (1.0.0)
    package92137 (1.0.0)
    package92138 (1.0.0)
    package92139 (1.0.0)
    package92140 (1.0.0)
    package92141 (1.0.0)
    package92142 (1.0.0)
    package92143 (1.0.0)
    package92144 (1.0.0)
    package92145 (1.0.0)
    package92146 (1.0.0)
    package92147 (1.0.0)
    package92148 (1.0.0)
    package92149 (1.0.0)
    package92150 (1.0.0)
    package92151 (1.0.0)
    package92152 (1.0.0)
    package92153 (1.0.0)
    package92154 (1.0.0)
    package92155 (1.0.0)
    package92156 (1.0.0)
    package92157 (1.0.0)
    package92158 (1.0.0)
    package92159 (1.0.0)
    package92160 (1.0.0)
    package92161 (1.0.0)
    package92162 (1.0.0)
    package92163 (1.0.0)
    package92164 (1.0.0)
    package92165 (1.0.0)
    package92166 (1.0.0)
    package92167 (1.0.0)
    package92168 (1.0.0)
    package92169 (1.0.0)
    package92170 (1.0.0)
    package92171 (1.0.0)
    package92172 (1.0.0)
    package92173 (1.0.0)
    package92174 (1.0.0)
    package92175 (1.0.0)
    package92176 (1.0.0)
    package92177 (1.0.0)
    package92178 (1.0.0)
    package92179 (1.0.0)
    package92180 (1.0.0)
    package92181 (1.0.0)
    package92182 (1.0.0)
    package92183 (1.0.0)
    package92184 (1.0.0)
    package92185 (1.0.0)
    package92186 (1.0.0)
    package92187 (1.0.0)
    package92188 (1.0.0)
    package92189 (1.0.0)
    package92190 (1.0.0)
    package92191 (1.0.0)
    package92192 (1.0.0)
    package92193 (1.0.0)
    package92194 (1.0.0)
    package92195 (1.0.0)
    package92196 (1.0.0)
    package92197 (1.0.0)
    package92198 (1.0.0)
    package92199 (1.0.0)
    package92200 (1.0.0)
    package92201 (1.0.0)
    package92202 (1.0.0)
    package92203 (1.0.0)
    package92204 (1.0.0)
    package92205 (1.0.0)
    package92206 (1.0.0)
    package92207 (1.0.0)
    package92208 (1.0.0)
    package92209 (1.0.0)
    package92210 (1.0.0)
    package92211 (1.0.0)
    package92212 (1.0.0)
    package92213 (1.0.0)
    package92214 (1.0.0)
    package92215 (1.0.0)
    package92216 (1.0.0)
    package92217 (1.0.0)
    package92218 (1.0.0)
    package92219 (1.0.0)
    package92220 (1.0.0)
    package92221 (1.0.0)
    package92222 (1.0.0)
    package92223 (1.0.0)
    package92224 (1.0.0)
    package92225 (1.0.0)
    package92226 (1.0.0)
    package92227 (1.0.0)
    package92228 (1.0.0)
    package92229 (1.0.0)
    package92230 (1.0.0)
    package92231 (1.0.0)
    package92232 (1.0.0)
    package92233 (1.0.0)
    package92234 (1.0.0)
    package92235 (1.0.0)
    package92236 (1.0.0)
    package92237 (1.0.0)
    package92238 (1.0.0)
    package92239 (1.0.0)
    package92240 (1.0.0)
    package92241 (1.0.0)
    package92242 (1.0.0)
    package92243 (1.0.0)
    package92244 (1.0.0)
    package92245 (1.0.0)
    package92246 (1.0.0)
    package92247 (1.0.0)
    package92248 (1.0.0)
    package92249 (1.0.0)
    package92250 (1.0.0)
    package92251 (1.0.0)
    package92252 (1.0.0)
    package92253 (1.0.0)
    package92254 (1.0.0)
    package92255 (1.0.0)
    package92256 (1.0.0)
    package92257 (1.0.0)
    package92258 (1.0.0)
    package92259 (1.0.0)
    package92260 (1.0.0)
    package92261 (1.0.0)
    package92262 (1.0.0)
    package92263 (1.0.0)
    package92264 (1.0.0)
    package92265 (1.0.0)
    package92266 (1.0.0)
    package92267 (1.0.0)
    package92268 (1.0.0)
    package92269 (1.0.0)
    package92270 (1.0.0)
    package92271 (1.0.0)
    package92272 (1.0.0)
    package92273 (1.0.0)
    package92274 (1.0.0)
    package92275 (1.0.0)
    package92276 (1.0.0)
    package92277 (1.0.0)
    package92278 (1.0.0)
    package92279 (1.0.0)
    package92280 (1.0.0)
    package92281 (1.0.0)
    package92282 (1.0.0)
    package92283 (1.0.0)
    package92284 (1.0.0)
    package92285 (1.0.0)
    package92286 (1.0.0)
    package92287 (1.0.0)
    package92288 (1.0.0)
    package92289 (1.0.0)
    package92290 (1.0.0)
    package92291 (1.0.0)
    package92292 (1.0.0)
    package92293 (1.0.0)
    package92294 (1.0.0)
    package92295 (1.0.0)
    package92296 (1.0.0)
    package92297 (1.0.0)
    package92298 (1.0.0)
    package92299 (1.0.0)
    package92300 (1.0.0)
    package92301 (1.0.0)
    package92302 (1.0.0)
    package92303 (1.0.0)
    package92304 (1.0.0)
    package92305 (1.0.0)
    package92306 (1.0.0)
    package92307 (1.0.0)
    package92308 (1.0.0)
    package92309 (1.0.0)
    package92310 (1.0.0)
    package92311 (1.0.0)
    package92312 (1.0.0)
    package92313 (1.0.0)
    package92314 (1.0.0)
    package92315 (1.0.0)
    package92316 (1.0.0)
    package92317 (1.0.0)
    package92318 (1.0.0)
    package92319 (1.0.0)
    package92320 (1.0.0)
    package92321 (1.0.0)
    package92322 (1.0.0)
    package92323 (1.0.0)
    package92324 (1.0.0)
    package92325 (1.0.0)
    package92326 (1.0.0)
    package92327 (1.0.0)
    package92328 (1.0.0)
    package92329 (1.0.0)
    package92330 (1.0.0)
    package92331 (1.0.0)
    package92332 (1.0.0)
    package92333 (1.0.0)
    package92334 (1.0.0)
    package92335 (1.0.0)
    package92336 (1.0.0)
    package92337 (1.0.0)
    package92338 (1.0.0)
    package92339 (1.0.0)
    package92340 (1.0.0)
    package92341 (1.0.0)
    package92342 (1.0.0)
    package92343 (1.0.0)
    package92344 (1.0.0)
    package92345 (1.0.0)
    package92346 (1.0.0)
    package92347 (1.0.0)
    package92348 (1.0.0)
    package92349 (1.0.0)
    package92350 (1.0.0)
    package92351 (1.0.0)
    package92352 (1.0.0)
    package92353 (1.0.0)
    package92354 (1.0.0)
    package92355 (1.0.0)
    package92356 (1.0.0)
    package92357 (1.0.0)
    package92358 (1.0.0)
    package92359 (1.0.0)
    package92360 (1.0.0)
    package92361 (1.0.0)
    package92362 (1.0.0)
    package92363 (1.0.0)
    package92364 (1.0.0)
    package92365 (1.0.0)
    package92366 (1.0.0)
    package92367 (1.0.0)
    package92368 (1.0.0)
    package92369 (1.0.0)
    package92370 (1.0.0)
    package92371 (1.0.0)
    package92372 (1.0.0)
    package92373 (1.0.0)
    package92374 (1.0.0)
    package92375 (1.0.0)
    package92376 (1.0.0)
    package92377 (1.0.0)
    package92378 (1.0.0)
    package92379 (1.0.0)
    package92380 (1.0.0)
    package92381 (1.0.0)
    package92382 (1.0.0)
    package92383 (1.0.0)
    package92384 (1.0.0)
    package92385 (1.0.0)
    package92386 (1.0.0)
    package92387 (1.0.0)
    package92388 (1.0.0)
    package92389 (1.0.0)
    package92390 (1.0.0)
    package92391 (1.0.0)
    package92392 (1.0.0)
    package92393 (1.0.0)
    package92394 (1.0.0)
    package92395 (1.0.0)
    package92396 (1.0.0)
    package92397 (1.0.0)
    package92398 (1.0.0)
    package92399 (1.0.0)
    package92400 (1.0.0)
    package92401 (1.0.0)
    package92402 (1.0.0)
    package92403 (1.0.0)
    package92404 (1.0.0)
    package92405 (1.0.0)
    package92406 (1.0.0)
    package92407 (1.0.0)
    package92408 (1.0.0)
    package92409 (1.0.0)
    package92410 (1.0.0)
    package92411 (1.0.0)
    package92412 (1.0.0)
    package92413 (1.0.0)
    package92414 (1.0.0)
    package92415 (1.0.0)
    package92416 (1.0.0)
    package92417 (1.0.0)
    package92418 (1.0.0)
    package92419 (1.0.0)
    package92420 (1.0.0)
    package92421 (1.0.0)
    package92422 (1.0.0)
    package92423 (1.0.0)
    package92424 (1.0.0)
    package92425 (1.0.0)
    package92426 (1.0.0)
    package92427 (1.0.0)
    package92428 (1.0.0)
    package92429 (1.0.0)
    package92430 (1.0.0)
    package92431 (1.0.0)
    package92432 (1.0.0)
    package92433 (1.0.0)
    package92434 (1.0.0)
    package92435 (1.0.0)
    package92436 (1.0.0)
    package92437 (1.0.0)
    package92438 (1.0.0)
    package92439 (1.0.0)
    package92440 (1.0.0)
    package92441 (1.0.0)
    package92442 (1.0.0)
    package92443 (1.0.0)
    package92444 (1.0.0)
    package92445 (1.0.0)
    package92446 (1.0.0)
    package92447 (1.0.0)
    package92448 (1.0.0)
    package92449 (1.0.0)
    package92450 (1.0.0)
    package92451 (1.0.0)
    package92452 (1.0.0)
    package92453 (1.0.0)
    package92454 (1.0.0)
    package92455 (1.0.0)
    package92456 (1.0.0)
    package92457 (1.0.0)
    package92458 (1.0.0)
    package92459 (1.0.0)
    package92460 (1.0.0)
    package92461 (1.0.0)
    package92462 (1.0.0)
    package92463 (1.0.0)
    package92464 (1.0.0)
    package92465 (1.0.0)
    package92466 (1.0.0)
    package92467 (1.0.0)
    package92468 (1.0.0)
    package92469 (1.0.0)
    package92470 (1.0.0)
    package92471 (1.0.0)
    package92472 (1.0.0)
    package92473 (1.0.0)
    package92474 (1.0.0)
    package92475 (1.0.0)
    package92476 (1.0.0)
    package92477 (1.0.0)
    package92478 (1.0.0)
    package92479 (1.0.0)
    package92480 (1.0.0)
    package92481 (1.0.0)
    package92482 (1.0.0)
    package92483 (1.0.0)
    package92484 (1.0.0)
    package92485 (1.0.0)
    package92486 (1.0.0)
    package92487 (1.0.0)
    package92488 (1.0.0)
    package92489 (1.0.0)
    package92490 (1.0.0)
    package92491 (1.0.0)
    package92492 (1.0.0)
    package92493 (1.0.0)
    package92494 (1.0.0)
    package92495 (1.0.0)
    package92496 (1.0.0)
    package92497 (1.0.0)
    package92498 (1.0.0)
    package92499 (1.0.0)
    package92500 (1.0.0)
    package92501 (1.0.0)
    package92502 (1.0.0)
    package92503 (1.0.0)
    package92504 (1.0.0)
    package92505 (1.0.0)
    package92506 (1.0.0)
    package92507 (1.0.0)
    package92508 (1.0.0)
    package92509 (1.0.0)
    package92510 (1.0.0)
    package92511 (1.0.0)
    package92512 (1.0.0)
    package92513 (1.0.0)
    package92514 (1.0.0)
    package92515 (1.0.0)
    package92516 (1.0.0)
    package92517 (1.0.0)
    package92518 (1.0.0)
    package92519 (1.0.0)
    package92520 (1.0.0)
    package92521 (1.0.0)
    package92522 (1.0.0)
    package92523 (1.0.0)
    package92524 (1.0.0)
    package92525 (1.0.0)
    package92526 (1.0.0)
    package92527 (1.0.0)
    package92528 (1.0.0)
    package92529 (1.0.0)
    package92530 (1.0.0)
    package92531 (1.0.0)
    package92532 (1.0.0)
    package92533 (1.0.0)
    package92534 (1.0.0)
    package92535 (1.0.0)
    package92536 (1.0.0)
    package92537 (1.0.0)
    package92538 (1.0.0)
    package92539 (1.0.0)
    package92540 (1.0.0)
    package92541 (1.0.0)
    package92542 (1.0.0)
    package92543 (1.0.0)
    package92544 (1.0.0)
    package92545 (1.0.0)
    package92546 (1.0.0)
    package92547 (1.0.0)
    package92548 (1.0.0)
    package92549 (1.0.0)
    package92550 (1.0.0)
    package92551 (1.0.0)
    package92552 (1.0.0)
    package92553 (1.0.0)
    package92554 (1.0.0)
    package92555 (1.0.0)
    package92556 (1.0.0)
    package92557 (1.0.0)
    package92558 (1.0.0)
    package92559 (1.0.0)
    package92560 (1.0.0)
    package92561 (1.0.0)
    package92562 (1.0.0)
    package92563 (1.0.0)
    package92564 (1.0.0)
    package92565 (1.0.0)
    package92566 (1.0.0)
    package92567 (1.0.0)
    package92568 (1.0.0)
    package92569 (1.0.0)
    package92570 (1.0.0)
    package92571 (1.0.0)
    package92572 (1.0.0)
    package92573 (1.0.0)
    package92574 (1.0.0)
    package92575 (1.0.0)
    package92576 (1.0.0)
    package92577 (1.0.0)
    package92578 (1.0.0)
    package92579 (1.0.0)
    package92580 (1.0.0)
    package92581 (1.0.0)
    package92582 (1.0.0)
    package92583 (1.0.0)
    package92584 (1.0.0)
    package92585 (1.0.0)
    package92586 (1.0.0)
    package92587 (1.0.0)
    package92588 (1.0.0)
    package92589 (1.0.0)
    package92590 (1.0.0)
    package92591 (1.0.0)
    package92592 (1.0.0)
    package92593 (1.0.0)
    package92594 (1.0.0)
    package92595 (1.0.0)
    package92596 (1.0.0)
    package92597 (1.0.0)
    package92598 (1.0.0)
    package92599 (1.0.0)
    package92600 (1.0.0)
    package92601 (1.0.0)
    package92602 (1.0.0)
    package92603 (1.0.0)
    package92604 (1.0.0)
    package92605 (1.0.0)
    package92606 (1.0.0)
    package92607 (1.0.0)
    package92608 (1.0.0)
    package92609 (1.0.0)
    package92610 (1.0.0)
    package92611 (1.0.0)
    package92612 (1.0.0)
    package92613 (1.0.0)
    package92614 (1.0.0)
    package92615 (1.0.0)
    package92616 (1.0.0)
    package92617 (1.0.0)
    package92618 (1.0.0)
    package92619 (1.0.0)
    package92620 (1.0.0)
    package92621 (1.0.0)
    package92622 (1.0.0)
    package92623 (1.0.0)
    package92624 (1.0.0)
    package92625 (1.0.0)
    package92626 (1.0.0)
    package92627 (1.0.0)
    package92628 (1.0.0)
    package92629 (1.0.0)
    package92630 (1.0.0)
    package92631 (1.0.0)
    package92632 (1.0.0)
    package92633 (1.0.0)
    package92634 (1.0.0)
    package92635 (1.0.0)
    package92636 (1.0.0)
    package92637 (1.0.0)
    package92638 (1.0.0)
    package92639 (1.0.0)
    package92640 (1.0.0)
    package92641 (1.0.0)
    package92642 (1.0.0)
    package92643 (1.0.0)
    package92644 (1.0.0)
    package92645 (1.0.0)
    package92646 (1.0.0)
    package92647 (1.0.0)
    package92648 (1.0.0)
    package92649 (1.0.0)
    package92650 (1.0.0)
    package92651 (1.0.0)
    package92652 (1.0.0)
    package92653 (1.0.0)
    package92654 (1.0.0)
    package92655 (1.0.0)
    package92656 (1.0.0)
    package92657 (1.0.0)
    package92658 (1.0.0)
    package92659 (1.0.0)
    package92660 (1.0.0)
    package92661 (1.0.0)
    package92662 (1.0.0)
    package92663 (1.0.0)
    package92664 (1.0.0)
    package92665 (1.0.0)
    package92666 (1.0.0)
    package92667 (1.0.0)
    package92668 (1.0.0)
    package92669 (1.0.0)
    package92670 (1.0.0)
    package92671 (1.0.0)
    package92672 (1.0.0)
    package92673 (1.0.0)
    package92674 (1.0.0)
    package92675 (1.0.0)
    package92676 (1.0.0)
    package92677 (1.0.0)
    package92678 (1.0.0)
    package92679 (1.0.0)
    package92680 (1.0.0)
    package92681 (1.0.0)
    package92682 (1.0.0)
    package92683 (1.0.0)
    package92684 (1.0.0)
    package92685 (1.0.0)
    package92686 (1.0.0)
    package92687 (1.0.0)
    package92688 (1.0.0)
    package92689 (1.0.0)
    package92690 (1.0.0)
    package92691 (1.0.0)
    package92692 (1.0.0)
    package92693 (1.0.0)
    package92694 (1.0.0)
    package92695 (1.0.0)
    package92696 (1.0.0)
    package92697 (1.0.0)
    package92698 (1.0.0)
    package92699 (1.0.0)
    package92700 (1.0.0)
    package92701 (1.0.0)
    package92702 (1.0.0)
    package92703 (1.0.0)
    package92704 (1.0.0)
    package92705 (1.0.0)
    package92706 (1.0.0)
    package92707 (1.0.0)
    package92708 (1.0.0)
    package92709 (1.0.0)
    package92710 (1.0.0)
    package92711 (1.0.0)
    package92712 (1.0.0)
    package92713 (1.0.0)
    package92714 (1.0.0)
    package92715 (1.0.0)
    package92716 (1.0.0)
    package92717 (1.0.0)
    package92718 (1.0.0)
    package92719 (1.0.0)
    package92720 (1.0.0)
    package92721 (1.0.0)
    package92722 (1.0.0)
    package92723 (1.0.0)
    package92724 (1.0.0)
    package92725 (1.0.0)
    package92726 (1.0.0)
    package92727 (1.0.0)
    package92728 (1.0.0)
    package92729 (1.0.0)
    package92730 (1.0.0)
    package92731 (1.0.0)
    package92732 (1.0.0)
    package92733 (1.0.0)
    package92734 (1.0.0)
    package92735 (1.0.0)
    package92736 (1.0.0)
    package92737 (1.0.0)
    package92738 (1.0.0)
    package92739 (1.0.0)
    package92740 (1.0.0)
    package92741 (1.0.0)
    package92742 (1.0.0)
    package92743 (1.0.0)
    package92744 (1.0.0)
    package92745 (1.0.0)
    package92746 (1.0.0)
    package92747 (1.0.0)
    package92748 (1.0.0)
    package92749 (1.0.0)
    package92750 (1.0.0)
    package92751 (1.0.0)
    package92752 (1.0.0)
    package92753 (1.0.0)
    package92754 (1.0.0)
    package92755 (1.0.0)
    package92756 (1.0.0)
    package92757 (1.0.0)
    package92758 (1.0.0)
    package92759 (1.0.0)
    package92760 (1.0.0)
    package92761 (1.0.0)
    package92762 (1.0.0)
    package92763 (1.0.0)
    package92764 (1.0.0)
    package92765 (1.0.0)
    package92766 (1.0.0)
    package92767 (1.0.0)
    package92768 (1.0.0)
    package92769 (1.0.0)
    package92770 (1.0.0)
    package92771 (1.0.0)
    package92772 (1.0.0)
    package92773 (1.0.0)
    package92774 (1.0.0)
    package92775 (1.0.0)
    package92776 (1.0.0)
    package92777 (1.0.0)
    package92778 (1.0.0)
    package92779 (1.0.0)
    package92780 (1.0.0)
    package92781 (1.0.0)
    package92782 (1.0.0)
    package92783 (1.0.0)
    package92784 (1.0.0)
    package92785 (1.0.0)
    package92786 (1.0.0)
    package92787 (1.0.0)
    package92788 (1.0.0)
    package92789 (1.0.0)
    package92790 (1.0.0)
    package92791 (1.0.0)
    package92792 (1.0.0)
    package92793 (1.0.0)
    package92794 (1.0.0)
    package92795 (1.0.0)
    package92796 (1.0.0)
    package92797 (1.0.0)
    package92798 (1.0.0)
    package92799 (1.0.0)
    package92800 (1.0.0)
    package92801 (1.0.0)
    package92802 (1.0.0)
    package92803 (1.0.0)
    package92804 (1.0.0)
    package92805 (1.0.0)
    package92806 (1.0.0)
    package92807 (1.0.0)
    package92808 (1.0.0)
    package92809 (1.0.0)
    package92810 (1.0.0)
    package92811 (1.0.0)
    package92812 (1.0.0)
    package92813 (1.0.0)
    package92814 (1.0.0)
    package92815 (1.0.0)
    package92816 (1.0.0)
    package92817 (1.0.0)
    package92818 (1.0.0)
    package92819 (1.0.0)
    package92820 (1.0.0)
    package92821 (1.0.0)
    package92822 (1.0.0)
    package92823 (1.0.0)
    package92824 (1.0.0)
    package92825 (1.0.0)
    package92826 (1.0.0)
    package92827 (1.0.0)
    package92828 (1.0.0)
    package92829 (1.0.0)
    package92830 (1.0.0)
    package92831 (1.0.0)
    package92832 (1.0.0)
    package92833 (1.0.0)
    package92834 (1.0.0)
    package92835 (1.0.0)
    package92836 (1.0.0)
    package92837 (1.0.0)
    package92838 (1.0.0)
    package92839 (1.0.0)
    package92840 (1.0.0)
    package92841 (1.0.0)
    package92842 (1.0.0)
    package92843 (1.0.0)
    package92844 (1.0.0)
    package92845 (1.0.0)
    package92846 (1.0.0)
    package92847 (1.0.0)
    package92848 (1.0.0)
    package92849 (1.0.0)
    package92850 (1.0.0)
    package92851 (1.0.0)
    package92852 (1.0.0)
    package92853 (1.0.0)
    package92854 (1.0.0)
    package92855 (1.0.0)
    package92856 (1.0.0)
    package92857 (1.0.0)
    package92858 (1.0.0)
    package92859 (1.0.0)
    package92860 (1.0.0)
    package92861 (1.0.0)
    package92862 (1.0.0)
    package92863 (1.0.0)
    package92864 (1.0.0)
    package92865 (1.0.0)
    package92866 (1.0.0)
    package92867 (1.0.0)
    package92868 (1.0.0)
    package92869 (1.0.0)
    package92870 (1.0.0)
    package92871 (1.0.0)
    package92872 (1.0.0)
    package92873 (1.0.0)
    package92874 (1.0.0)
    package92875 (1.0.0)
    package92876 (1.0.0)
    package92877 (1.0.0)
    package92878 (1.0.0)
    package92879 (1.0.0)
    package92880 (1.0.0)
    package92881 (1.0.0)
    package92882 (1.0.0)
    package92883 (1.0.0)
    package92884 (1.0.0)
    package92885 (1.0.0)
    package92886 (1.0.0)
    package92887 (1.0.0)
    package92888 (1.0.0)
    package92889 (1.0.0)
    package92890 (1.0.0)
    package92891 (1.0.0)
    package92892 (1.0.0)
    package92893 (1.0.0)
    package92894 (1.0.0)
    package92895 (1.0.0)
    package92896 (1.0.0)
    package92897 (1.0.0)
    package92898 (1.0.0)
    package92899 (1.0.0)
    package92900 (1.0.0)
    package92901 (1.0.0)
    package92902 (1.0.0)
    package92903 (1.0.0)
    package92904 (1.0.0)
    package92905 (1.0.0)
    package92906 (1.0.0)
    package92907 (1.0.0)
    package92908 (1.0.0)
    package92909 (1.0.0)
    package92910 (1.0.0)
    package92911 (1.0.0)
    package92912 (1.0.0)
    package92913 (1.0.0)
    package92914 (1.0.0)
    package92915 (1.0.0)
    package92916 (1.0.0)
    package92917 (1.0.0)
    package92918 (1.0.0)
    package92919 (1.0.0)
    package92920 (1.0.0)
    package92921 (1.0.0)
    package92922 (1.0.0)
    package92923 (1.0.0)
    package92924 (1.0.0)
    package92925 (1.0.0)
    package92926 (1.0.0)
    package92927 (1.0.0)
    package92928 (1.0.0)
    package92929 (1.0.0)
    package92930 (1.0.0)
    package92931 (1.0.0)
    package92932 (1.0.0)
    package92933 (1.0.0)
    package92934 (1.0.0)
    package92935 (1.0.0)
    package92936 (1.0.0)
    package92937 (1.0.0)
    package92938 (1.0.0)
    package92939 (1.0.0)
    package92940 (1.0.0)
    package92941 (1.0.0)
    package92942 (1.0.0)
    package92943 (1.0.0)
    package92944 (1.0.0)
    package92945 (1.0.0)
    package92946 (1.0.0)
    package92947 (1.0.0)
    package92948 (1.0.0)
    package92949 (1.0.0)
    package92950 (1.0.0)
    package92951 (1.0.0)
    package92952 (1.0.0)
    package92953 (1.0.0)
    package92954 (1.0.0)
    package92955 (1.0.0)
    package92956 (1.0.0)
    package92957 (1.0.0)
    package92958 (1.0.0)
    package92959 (1.0.0)
    package92960 (1.0.0)
    package92961 (1.0.0)
    package92962 (1.0.0)
    package92963 (1.0.0)
    package92964 (1.0.0)
    package92965 (1.0.0)
    package92966 (1.0.0)
    package92967 (1.0.0)
    package92968 (1.0.0)
    package92969 (1.0.0)
    package92970 (1.0.0)
    package92971 (1.0.0)
    package92972 (1.0.0)
    package92973 (1.0.0)
    package92974 (1.0.0)
    package92975 (1.0.0)
    package92976 (1.0.0)
    package92977 (1.0.0)
    package92978 (1.0.0)
    package92979 (1.0.0)
    package92980 (1.0.0)
    package92981 (1.0.0)
    package92982 (1.0.0)
    package92983 (1.0.0)
    package92984 (1.0.0)
    package92985 (1.0.0)
    package92986 (1.0.0)
    package92987 (1.0.0)
    package92988 (1.0.0)
    package92989 (1.0.0)
    package92990 (1.0.0)
    package92991 (1.0.0)
    package92992 (1.0.0)
    package92993 (1.0.0)
    package92994 (1.0.0)
    package92995 (1.0.0)
    package92996 (1.0.0)
    package92997 (1.0.0)
    package92998 (1.0.0)
    package92999 (1.0.0)
    package93000 (1.0.0)
    package93001 (1.0.0)
    package93002 (1.0.0)
    package93003 (1.0.0)
    package93004 (1.0.0)
    package93005 (1.0.0)
    package93006 (1.0.0)
    package93007 (1.0.0)
    package93008 (1.0.0)
    package93009 (1.0.0)
    package93010 (1.0.0)
    package93011 (1.0.0)
    package93012 (1.0.0)
    package93013 (1.0.0)
    package93014 (1.0.0)
    package93015 (1.0.0)
    package93016 (1.0.0)
    package93017 (1.0.0)
    package93018 (1.0.0)
    package93019 (1.0.0)
    package93020 (1.0.0)
    package93021 (1.0.0)
    package93022 (1.0.0)
    package93023 (1.0.0)
    package93024 (1.0.0)
    package93025 (1.0.0)
    package93026 (1.0.0)
    package93027 (1.0.0)
    package93028 (1.0.0)
    package93029 (1.0.0)
    package93030 (1.0.0)
    package93031 (1.0.0)
    package93032 (1.0.0)
    package93033 (1.0.0)
    package93034 (1.0.0)
    package93035 (1.0.0)
    package93036 (1.0.0)
    package93037 (1.0.0)
    package93038 (1.0.0)
    package93039 (1.0.0)
    package93040 (1.0.0)
    package93041 (1.0.0)
    package93042 (1.0.0)
    package93043 (1.0.0)
    package93044 (1.0.0)
    package93045 (1.0.0)
    package93046 (1.0.0)
    package93047 (1.0.0)
    package93048 (1.0.0)
    package93049 (1.0.0)
    package93050 (1.0.0)
    package93051 (1.0.0)
    package93052 (1.0.0)
    package93053 (1.0.0)
    package93054 (1.0.0)
    package93055 (1.0.0)
    package93056 (1.0.0)
    package93057 (1.0.0)
    package93058 (1.0.0)
    package93059 (1.0.0)
    package93060 (1.0.0)
    package93061 (1.0.0)
    package93062 (1.0.0)
    package93063 (1.0.0)
    package93064 (1.0.0)
    package93065 (1.0.0)
    package93066 (1.0.0)
    package93067 (1.0.0)
    package93068 (1.0.0)
    package93069 (1.0.0)
    package93070 (1.0.0)
    package93071 (1.0.0)
    package93072 (1.0.0)
    package93073 (1.0.0)
    package93074 (1.0.0)
    package93075 (1.0.0)
    package93076 (1.0.0)
    package93077 (1.0.0)
    package93078 (1.0.0)
    package93079 (1.0.0)
    package93080 (1.0.0)
    package93081 (1.0.0)
    package93082 (1.0.0)
    package93083 (1.0.0)
    package93084 (1.0.0)
    package93085 (1.0.0)
    package93086 (1.0.0)
    package93087 (1.0.0)
    package93088 (1.0.0)
    package93089 (1.0.0)
    package93090 (1.0.0)
    package93091 (1.0.0)
    package93092 (1.0.0)
    package93093 (1.0.0)
    package93094 (1.0.0)
    package93095 (1.0.0)
    package93096 (1.0.0)
    package93097 (1.0.0)
    package93098 (1.0.0)
    package93099 (1.0.0)
    package93100 (1.0.0)
    package93101 (1.0.0)
    package93102 (1.0.0)
    package93103 (1.0.0)
    package93104 (1.0.0)
    package93105 (1.0.0)
    package93106 (1.0.0)
    package93107 (1.0.0)
    package93108 (1.0.0)
    package93109 (1.0.0)
    package93110 (1.0.0)
    package93111 (1.0.0)
    package93112 (1.0.0)
    package93113 (1.0.0)
    package93114 (1.0.0)
    package93115 (1.0.0)
    package93116 (1.0.0)
    package93117 (1.0.0)
    package93118 (1.0.0)
    package93119 (1.0.0)
    package93120 (1.0.0)
    package93121 (1.0.0)
    package93122 (1.0.0)
    package93123 (1.0.0)
    package93124 (1.0.0)
    package93125 (1.0.0)
    package93126 (1.0.0)
    package93127 (1.0.0)
    package93128 (1.0.0)
    package93129 (1.0.0)
    package93130 (1.0.0)
    package93131 (1.0.0)
    package93132 (1.0.0)
    package93133 (1.0.0)
    package93134 (1.0.0)
    package93135 (1.0.0)
    package93136 (1.0.0)
    package93137 (1.0.0)
    package93138 (1.0.0)
    package93139 (1.0.0)
    package93140 (1.0.0)
    package93141 (1.0.0)
    package93142 (1.0.0)
    package93143 (1.0.0)
    package93144 (1.0.0)
    package93145 (1.0.0)
    package93146 (1.0.0)
    package93147 (1.0.0)
    package93148 (1.0.0)
    package93149 (1.0.0)
    package93150 (1.0.0)
    package93151 (1.0.0)
    package93152 (1.0.0)
    package93153 (1.0.0)
    package93154 (1.0.0)
    package93155 (1.0.0)
    package93156 (1.0.0)
    package93157 (1.0.0)
    package93158 (1.0.0)
    package93159 (1.0.0)
    package93160 (1.0.0)
    package93161 (1.0.0)
    package93162 (1.0.0)
    package93163 (1.0.0)
    package93164 (1.0.0)
    package93165 (1.0.0)
    package93166 (1.0.0)
    package93167 (1.0.0)
    package93168 (1.0.0)
    package93169 (1.0.0)
    package93170 (1.0.0)
    package93171 (1.0.0)
    package93172 (1.0.0)
    package93173 (1.0.0)
    package93174 (1.0.0)
    package93175 (1.0.0)
    package93176 (1.0.0)
    package93177 (1.0.0)
    package93178 (1.0.0)
    package93179 (1.0.0)
    package93180 (1.0.0)
    package93181 (1.0.0)
    package93182 (1.0.0)
    package93183 (1.0.0)
    package93184 (1.0.0)
    package93185 (1.0.0)
    package93186 (1.0.0)
    package93187 (1.0.0)
    package93188 (1.0.0)
    package93189 (1.0.0)
    package93190 (1.0.0)
    package93191 (1.0.0)
    package93192 (1.0.0)
    package93193 (1.0.0)
    package93194 (1.0.0)
    package93195 (1.0.0)
    package93196 (1.0.0)
    package93197 (1.0.0)
    package93198 (1.0.0)
    package93199 (1.0.0)
    package93200 (1.0.0)
    package93201 (1.0.0)
    package93202 (1.0.0)
    package93203 (1.0.0)
    package93204 (1.0.0)
    package93205 (1.0.0)
    package93206 (1.0.0)
    package93207 (1.0.0)
    package93208 (1.0.0)
    package93209 (1.0.0)
    package93210 (1.0.0)
    package93211 (1.0.0)
    package93212 (1.0.0)
    package93213 (1.0.0)
    package93214 (1.0.0)
    package93215 (1.0.0)
    package93216 (1.0.0)
    package93217 (1.0.0)
    package93218 (1.0.0)
    package93219 (1.0.0)
    package93220 (1.0.0)
    package93221 (1.0.0)
    package93222 (1.0.0)
    package93223 (1.0.0)
    package93224 (1.0.0)
    package93225 (1.0.0)
    package93226 (1.0.0)
    package93227 (1.0.0)
    package93228 (1.0.0)
    package93229 (1.0.0)
    package93230 (1.0.0)
    package93231 (1.0.0)
    package93232 (1.0.0)
    package93233 (1.0.0)
    package93234 (1.0.0)
    package93235 (1.0.0)
    package93236 (1.0.0)
    package93237 (1.0.0)
    package93238 (1.0.0)
    package93239 (1.0.0)
    package93240 (1.0.0)
    package93241 (1.0.0)
    package93242 (1.0.0)
    package93243 (1.0.0)
    package93244 (1.0.0)
    package93245 (1.0.0)
    package93246 (1.0.0)
    package93247 (1.0.0)
    package93248 (1.0.0)
    package93249 (1.0.0)
    package93250 (1.0.0)
    package93251 (1.0.0)
    package93252 (1.0.0)
    package93253 (1.0.0)
    package93254 (1.0.0)
    package93255 (1.0.0)
    package93256 (1.0.0)
    package93257 (1.0.0)
    package93258 (1.0.0)
    package93259 (1.0.0)
    package93260 (1.0.0)
    package93261 (1.0.0)
    package93262 (1.0.0)
    package93263 (1.0.0)
    package93264 (1.0.0)
    package93265 (1.0.0)
    package93266 (1.0.0)
    package93267 (1.0.0)
    package93268 (1.0.0)
    package93269 (1.0.0)
    package93270 (1.0.0)
    package93271 (1.0.0)
    package93272 (1.0.0)
    package93273 (1.0.0)
    package93274 (1.0.0)
    package93275 (1.0.0)
    package93276 (1.0.0)
    package93277 (1.0.0)
    package93278 (1.0.0)
    package93279 (1.0.0)
    package93280 (1.0.0)
    package93281 (1.0.0)
    package93282 (1.0.0)
    package93283 (1.0.0)
    package93284 (1.0.0)
    package93285 (1.0.0)
    package93286 (1.0.0)
    package93287 (1.0.0)
    package93288 (1.0.0)
    package93289 (1.0.0)
    package93290 (1.0.0)
    package93291 (1.0.0)
    package93292 (1.0.0)
    package93293 (1.0.0)
    package93294 (1.0.0)
    package93295 (1.0.0)
    package93296 (1.0.0)
    package93297 (1.0.0)
    package93298 (1.0.0)
    package93299 (1.0.0)
    package93300 (1.0.0)
    package93301 (1.0.0)
    package93302 (1.0.0)
    package93303 (1.0.0)
    package93304 (1.0.0)
    package93305 (1.0.0)
    package93306 (1.0.0)
    package93307 (1.0.0)
    package93308 (1.0.0)
    package93309 (1.0.0)
    package93310 (1.0.0)
    package93311 (1.0.0)
    package93312 (1.0.0)
    package93313 (1.0.0)
    package93314 (1.0.0)
    package93315 (1.0.0)
    package93316 (1.0.0)
    package93317 (1.0.0)
    package93318 (1.0.0)
    package93319 (1.0.0)
    package93320 (1.0.0)
    package93321 (1.0.0)
    package93322 (1.0.0)
    package93323 (1.0.0)
    package93324 (1.0.0)
    package93325 (1.0.0)
    package93326 (1.0.0)
    package93327 (1.0.0)
    package93328 (1.0.0)
    package93329 (1.0.0)
    package93330 (1.0.0)
    package93331 (1.0.0)
    package93332 (1.0.0)
    package93333 (1.0.0)
    package93334 (1.0.0)
    package93335 (1.0.0)
    package93336 (1.0.0)
    package93337 (1.0.0)
    package93338 (1.0.0)
    package93339 (1.0.0)
    package93340 (1.0.0)
    package93341 (1.0.0)
    package93342 (1.0.0)
    package93343 (1.0.0)
    package93344 (1.0.0)
    package93345 (1.0.0)
    package93346 (1.0.0)
    package93347 (1.0.0)
    package93348 (1.0.0)
    package93349 (1.0.0)
    package93350 (1.0.0)
    package93351 (1.0.0)
    package93352 (1.0.0)
    package93353 (1.0.0)
    package93354 (1.0.0)
    package93355 (1.0.0)
    package93356 (1.0.0)
    package93357 (1.0.0)
    package93358 (1.0.0)
    package93359 (1.0.0)
    package93360 (1.0.0)
    package93361 (1.0.0)
    package93362 (1.0.0)
    package93363 (1.0.0)
    package93364 (1.0.0)
    package93365 (1.0.0)
    package93366 (1.0.0)
    package93367 (1.0.0)
    package93368 (1.0.0)
    package93369 (1.0.0)
    package93370 (1.0.0)
    package93371 (1.0.0)
    package93372 (1.0.0)
    package93373 (1.0.0)
    package93374 (1.0.0)
    package93375 (1.0.0)
    package93376 (1.0.0)
    package93377 (1.0.0)
    package93378 (1.0.0)
    package93379 (1.0.0)
    package93380 (1.0.0)
    package93381 (1.0.0)
    package93382 (1.0.0)
    package93383 (1.0.0)
    package93384 (1.0.0)
    package93385 (1.0.0)
    package93386 (1.0.0)
    package93387 (1.0.0)
    package93388 (1.0.0)
    package93389 (1.0.0)
    package93390 (1.0.0)
    package93391 (1.0.0)
    package93392 (1.0.0)
    package93393 (1.0.0)
    package93394 (1.0.0)
    package93395 (1.0.0)
    package93396 (1.0.0)
    package93397 (1.0.0)
    package93398 (1.0.0)
    package93399 (1.0.0)
    package93400 (1.0.0)
    package93401 (1.0.0)
    package93402 (1.0.0)
    package93403 (1.0.0)
    package93404 (1.0.0)
    package93405 (1.0.0)
    package93406 (1.0.0)
    package93407 (1.0.0)
    package93408 (1.0.0)
    package93409 (1.0.0)
    package93410 (1.0.0)
    package93411 (1.0.0)
    package93412 (1.0.0)
    package93413 (1.0.0)
    package93414 (1.0.0)
    package93415 (1.0.0)
    package93416 (1.0.0)
    package93417 (1.0.0)
    package93418 (1.0.0)
    package93419 (1.0.0)
    package93420 (1.0.0)
    package93421 (1.0.0)
    package93422 (1.0.0)
    package93423 (1.0.0)
    package93424 (1.0.0)
    package93425 (1.0.0)
    package93426 (1.0.0)
    package93427 (1.0.0)
    package93428 (1.0.0)
    package93429 (1.0.0)
    package93430 (1.0.0)
    package93431 (1.0.0)
    package93432 (1.0.0)
    package93433 (1.0.0)
    package93434 (1.0.0)
    package93435 (1.0.0)
    package93436 (1.0.0)
    package93437 (1.0.0)
    package93438 (1.0.0)
    package93439 (1.0.0)
    package93440 (1.0.0)
    package93441 (1.0.0)
    package93442 (1.0.0)
    package93443 (1.0.0)
    package93444 (1.0.0)
    package93445 (1.0.0)
    package93446 (1.0.0)
    package93447 (1.0.0)
    package93448 (1.0.0)
    package93449 (1.0.0)
    package93450 (1.0.0)
    package93451 (1.0.0)
    package93452 (1.0.0)
    package93453 (1.0.0)
    package93454 (1.0.0)
    package93455 (1.0.0)
    package93456 (1.0.0)
    package93457 (1.0.0)
    package93458 (1.0.0)
    package93459 (1.0.0)
    package93460 (1.0.0)
    package93461 (1.0.0)
    package93462 (1.0.0)
    package93463 (1.0.0)
    package93464 (1.0.0)
    package93465 (1.0.0)
    package93466 (1.0.0)
    package93467 (1.0.0)
    package93468 (1.0.0)
    package93469 (1.0.0)
    package93470 (1.0.0)
    package93471 (1.0.0)
    package93472 (1.0.0)
    package93473 (1.0.0)
    package93474 (1.0.0)
    package93475 (1.0.0)
    package93476 (1.0.0)
    package93477 (1.0.0)
    package93478 (1.0.0)
    package93479 (1.0.0)
    package93480 (1.0.0)
    package93481 (1.0.0)
    package93482 (1.0.0)
    package93483 (1.0.0)
    package93484 (1.0.0)
    package93485 (1.0.0)
    package93486 (1.0.0)
    package93487 (1.0.0)
    package93488 (1.0.0)
    package93489 (1.0.0)
    package93490 (1.0.0)
    package93491 (1.0.0)
    package93492 (1.0.0)
    package93493 (1.0.0)
    package93494 (1.0.0)
    package93495 (1.0.0)
    package93496 (1.0.0)
    package93497 (1.0.0)
    package93498 (1.0.0)
    package93499 (1.0.0)
    package93500 (1.0.0)
    package93501 (1.0.0)
    package93502 (1.0.0)
    package93503 (1.0.0)
    package93504 (1.0.0)
    package93505 (1.0.0)
    package93506 (1.0.0)
    package93507 (1.0.0)
    package93508 (1.0.0)
    package93509 (1.0.0)
    package93510 (1.0.0)
    package93511 (1.0.0)
    package93512 (1.0.0)
    package93513 (1.0.0)
    package93514 (1.0.0)
    package93515 (1.0.0)
    package93516 (1.0.0)
    package93517 (1.0.0)
    package93518 (1.0.0)
    package93519 (1.0.0)
    package93520 (1.0.0)
    package93521 (1.0.0)
    package93522 (1.0.0)
    package93523 (1.0.0)
    package93524 (1.0.0)
    package93525 (1.0.0)
    package93526 (1.0.0)
    package93527 (1.0.0)
    package93528 (1.0.0)
    package93529 (1.0.0)
    package93530 (1.0.0)
    package93531 (1.0.0)
    package93532 (1.0.0)
    package93533 (1.0.0)
    package93534 (1.0.0)
    package93535 (1.0.0)
    package93536 (1.0.0)
    package93537 (1.0.0)
    package93538 (1.0.0)
    package93539 (1.0.0)
    package93540 (1.0.0)
    package93541 (1.0.0)
    package93542 (1.0.0)
    package93543 (1.0.0)
    package93544 (1.0.0)
    package93545 (1.0.0)
    package93546 (1.0.0)
    package93547 (1.0.0)
    package93548 (1.0.0)
    package93549 (1.0.0)
    package93550 (1.0.0)
    package93551 (1.0.0)
    package93552 (1.0.0)
    package93553 (1.0.0)
    package93554 (1.0.0)
    package93555 (1.0.0)
    package93556 (1.0.0)
    package93557 (1.0.0)
    package93558 (1.0.0)
    package93559 (1.0.0)
    package93560 (1.0.0)
    package93561 (1.0.0)
    package93562 (1.0.0)
    package93563 (1.0.0)
    package93564 (1.0.0)
    package93565 (1.0.0)
    package93566 (1.0.0)
    package93567 (1.0.0)
    package93568 (1.0.0)
    package93569 (1.0.0)
    package93570 (1.0.0)
    package93571 (1.0.0)
    package93572 (1.0.0)
    package93573 (1.0.0)
    package93574 (1.0.0)
    package93575 (1.0.0)
    package93576 (1.0.0)
    package93577 (1.0.0)
    package93578 (1.0.0)
    package93579 (1.0.0)
    package93580 (1.0.0)
    package93581 (1.0.0)
    package93582 (1.0.0)
    package93583 (1.0.0)
    package93584 (1.0.0)
    package93585 (1.0.0)
    package93586 (1.0.0)
    package93587 (1.0.0)
    package93588 (1.0.0)
    package93589 (1.0.0)
    package93590 (1.0.0)
    package93591 (1.0.0)
    package93592 (1.0.0)
    package93593 (1.0.0)
    package93594 (1.0.0)
    package93595 (1.0.0)
    package93596 (1.0.0)
    package93597 (1.0.0)
    package93598 (1.0.0)
    package93599 (1.0.0)
    package93600 (1.0.0)
    package93601 (1.0.0)
    package93602 (1.0.0)
    package93603 (1.0.0)
    package93604 (1.0.0)
    package93605 (1.0.0)
    package93606 (1.0.0)
    package93607 (1.0.0)
    package93608 (1.0.0)
    package93609 (1.0.0)
    package93610 (1.0.0)
    package93611 (1.0.0)
    package93612 (1.0.0)
    package93613 (1.0.0)
    package93614 (1.0.0)
    package93615 (1.0.0)
    package93616 (1.0.0)
    package93617 (1.0.0)
    package93618 (1.0.0)
    package93619 (1.0.0)
    package93620 (1.0.0)
    package93621 (1.0.0)
    package93622 (1.0.0)
    package93623 (1.0.0)
    package93624 (1.0.0)
    package93625 (1.0.0)
    package93626 (1.0.0)
    package93627 (1.0.0)
    package93628 (1.0.0)
    package93629 (1.0.0)
    package93630 (1.0.0)
    package93631 (1.0.0)
    package93632 (1.0.0)
    package93633 (1.0.0)
    package93634 (1.0.0)
    package93635 (1.0.0)
    package93636 (1.0.0)
    package93637 (1.0.0)
    package93638 (1.0.0)
    package93639 (1.0.0)
    package93640 (1.0.0)
    package93641 (1.0.0)
    package93642 (1.0.0)
    package93643 (1.0.0)
    package93644 (1.0.0)
    package93645 (1.0.0)
    package93646 (1.0.0)
    package93647 (1.0.0)
    package93648 (1.0.0)
    package93649 (1.0.0)
    package93650 (1.0.0)
    package93651 (1.0.0)
    package93652 (1.0.0)
    package93653 (1.0.0)
    package93654 (1.0.0)
    package93655 (1.0.0)
    package93656 (1.0.0)
    package93657 (1.0.0)
    package93658 (1.0.0)
    package93659 (1.0.0)
    package93660 (1.0.0)
    package93661 (1.0.0)
    package93662 (1.0.0)
    package93663 (1.0.0)
    package93664 (1.0.0)
    package93665 (1.0.0)
    package93666 (1.0.0)
    package93667 (1.0.0)
    package93668 (1.0.0)
    package93669 (1.0.0)
    package93670 (1.0.0)
    package93671 (1.0.0)
    package93672 (1.0.0)
    package93673 (1.0.0)
    package93674 (1.0.0)
    package93675 (1.0.0)
    package93676 (1.0.0)
    package93677 (1.0.0)
    package93678 (1.0.0)
    package93679 (1.0.0)
    package93680 (1.0.0)
    package93681 (1.0.0)
    package93682 (1.0.0)
    package93683 (1.0.0)
    package93684 (1.0.0)
    package93685 (1.0.0)
    package93686 (1.0.0)
    package93687 (1.0.0)
    package93688 (1.0.0)
    package93689 (1.0.0)
    package93690 (1.0.0)
    package93691 (1.0.0)
    package93692 (1.0.0)
    package93693 (1.0.0)
    package93694 (1.0.0)
    package93695 (1.0.0)
    package93696 (1.0.0)
    package93697 (1.0.0)
    package93698 (1.0.0)
    package93699 (1.0.0)
    package93700 (1.0.0)
    package93701 (1.0.0)
    package93702 (1.0.0)
    package93703 (1.0.0)
    package93704 (1.0.0)
    package93705 (1.0.0)
    package93706 (1.0.0)
    package93707 (1.0.0)
    package93708 (1.0.0)
    package93709 (1.0.0)
    package93710 (1.0.0)
    package93711 (1.0.0)
    package93712 (1.0.0)
    package93713 (1.0.0)
    package93714 (1.0.0)
    package93715 (1.0.0)
    package93716 (1.0.0)
    package93717 (1.0.0)
    package93718 (1.0.0)
    package93719 (1.0.0)
    package93720 (1.0.0)
    package93721 (1.0.0)
    package93722 (1.0.0)
    package93723 (1.0.0)
    package93724 (1.0.0)
    package93725 (1.0.0)
    package93726 (1.0.0)
    package93727 (1.0.0)
    package93728 (1.0.0)
    package93729 (1.0.0)
    package93730 (1.0.0)
    package93731 (1.0.0)
    package93732 (1.0.0)
    package93733 (1.0.0)
    package93734 (1.0.0)
    package93735 (1.0.0)
    package93736 (1.0.0)
    package93737 (1.0.0)
    package93738 (1.0.0)
    package93739 (1.0.0)
    package93740 (1.0.0)
    package93741 (1.0.0)
    package93742 (1.0.0)
    package93743 (1.0.0)
    package93744 (1.0.0)
    package93745 (1.0.0)
    package93746 (1.0.0)
    package93747 (1.0.0)
    package93748 (1.0.0)
    package93749 (1.0.0)
    package93750 (1.0.0)
    package93751 (1.0.0)
    package93752 (1.0.0)
    package93753 (1.0.0)
    package93754 (1.0.0)
    package93755 (1.0.0)
    package93756 (1.0.0)
    package93757 (1.0.0)
    package93758 (1.0.0)
    package93759 (1.0.0)
    package93760 (1.0.0)
    package93761 (1.0.0)
    package93762 (1.0.0)
    package93763 (1.0.0)
    package93764 (1.0.0)
    package93765 (1.0.0)
    package93766 (1.0.0)
    package93767 (1.0.0)
    package93768 (1.0.0)
    package93769 (1.0.0)
    package93770 (1.0.0)
    package93771 (1.0.0)
    package93772 (1.0.0)
    package93773 (1.0.0)
    package93774 (1.0.0)
    package93775 (1.0.0)
    package93776 (1.0.0)
    package93777 (1.0.0)
    package93778 (1.0.0)
    package93779 (1.0.0)
    package93780 (1.0.0)
    package93781 (1.0.0)
    package93782 (1.0.0)
    package93783 (1.0.0)
    package93784 (1.0.0)
    package93785 (1.0.0)
    package93786 (1.0.0)
    package93787 (1.0.0)
    package93788 (1.0.0)
    package93789 (1.0.0)
    package93790 (1.0.0)
    package93791 (1.0.0)
    package93792 (1.0.0)
    package93793 (1.0.0)
    package93794 (1.0.0)
    package93795 (1.0.0)
    package93796 (1.0.0)
    package93797 (1.0.0)
    package93798 (1.0.0)
    package93799 (1.0.0)
    package93800 (1.0.0)
    package93801 (1.0.0)
    package93802 (1.0.0)
    package93803 (1.0.0)
    package93804 (1.0.0)
    package93805 (1.0.0)
    package93806 (1.0.0)
    package93807 (1.0.0)
    package93808 (1.0.0)
    package93809 (1.0.0)
    package93810 (1.0.0)
    package93811 (1.0.0)
    package93812 (1.0.0)
    package93813 (1.0.0)
    package93814 (1.0.0)
    package93815 (1.0.0)
    package93816 (1.0.0)
    package93817 (1.0.0)
    package93818 (1.0.0)
    package93819 (1.0.0)
    package93820 (1.0.0)
    package93821 (1.0.0)
    package93822 (1.0.0)
    package93823 (1.0.0)
    package93824 (1.0.0)
    package93825 (1.0.0)
    package93826 (1.0.0)
    package93827 (1.0.0)
    package93828 (1.0.0)
    package93829 (1.0.0)
    package93830 (1.0.0)
    package93831 (1.0.0)
    package93832 (1.0.0)
    package93833 (1.0.0)
    package93834 (1.0.0)
    package93835 (1.0.0)
    package93836 (1.0.0)
    package93837 (1.0.0)
    package93838 (1.0.0)
    package93839 (1.0.0)
    package93840 (1.0.0)
    package93841 (1.0.0)
    package93842 (1.0.0)
    package93843 (1.0.0)
    package93844 (1.0.0)
    package93845 (1.0.0)
    package93846 (1.0.0)
    package93847 (1.0.0)
    package93848 (1.0.0)
    package93849 (1.0.0)
    package93850 (1.0.0)
    package93851 (1.0.0)
    package93852 (1.0.0)
    package93853 (1.0.0)
    package93854 (1.0.0)
    package93855 (1.0.0)
    package93856 (1.0.0)
    package93857 (1.0.0)
    package93858 (1.0.0)
    package93859 (1.0.0)
    package93860 (1.0.0)
    package93861 (1.0.0)
    package93862 (1.0.0)
    package93863 (1.0.0)
    package93864 (1.0.0)
    package93865 (1.0.0)
    package93866 (1.0.0)
    package93867 (1.0.0)
    package93868 (1.0.0)
    package93869 (1.0.0)
    package93870 (1.0.0)
    package93871 (1.0.0)
    package93872 (1.0.0)
    package93873 (1.0.0)
    package93874 (1.0.0)
    package93875 (1.0.0)
    package93876 (1.0.0)
    package93877 (1.0.0)
    package93878 (1.0.0)
    package93879 (1.0.0)
    package93880 (1.0.0)
    package93881 (1.0.0)
    package93882 (1.0.0)
    package93883 (1.0.0)
    package93884 (1.0.0)
    package93885 (1.0.0)
    package93886 (1.0.0)
    package93887 (1.0.0)
    package93888 (1.0.0)
    package93889 (1.0.0)
    package93890 (1.0.0)
    package93891 (1.0.0)
    package93892 (1.0.0)
    package93893 (1.0.0)
    package93894 (1.0.0)
    package93895 (1.0.0)
    package93896 (1.0.0)
    package93897 (1.0.0)
    package93898 (1.0.0)
    package93899 (1.0.0)
    package93900 (1.0.0)
    package93901 (1.0.0)
    package93902 (1.0.0)
    package93903 (1.0.0)
    package93904 (1.0.0)
    package93905 (1.0.0)
    package93906 (1.0.0)
    package93907 (1.0.0)
    package93908 (1.0.0)
    package93909 (1.0.0)
    package93910 (1.0.0)
    package93911 (1.0.0)
    package93912 (1.0.0)
    package93913 (1.0.0)
    package93914 (1.0.0)
    package93915 (1.0.0)
    package93916 (1.0.0)
    package93917 (1.0.0)
    package93918 (1.0.0)
    package93919 (1.0.0)
    package93920 (1.0.0)
    package93921 (1.0.0)
    package93922 (1.0.0)
    package93923 (1.0.0)
    package93924 (1.0.0)
    package93925 (1.0.0)
    package93926 (1.0.0)
    package93927 (1.0.0)
    package93928 (1.0.0)
    package93929 (1.0.0)
    package93930 (1.0.0)
    package93931 (1.0.0)
    package93932 (1.0.0)
    package93933 (1.0.0)
    package93934 (1.0.0)
    package93935 (1.0.0)
    package93936 (1.0.0)
    package93937 (1.0.0)
    package93938 (1.0.0)
    package93939 (1.0.0)
    package93940 (1.0.0)
    package93941 (1.0.0)
    package93942 (1.0.0)
    package93943 (1.0.0)
    package93944 (1.0.0)
    package93945 (1.0.0)
    package93946 (1.0.0)
    package93947 (1.0.0)
    package93948 (1.0.0)
    package93949 (1.0.0)
    package93950 (1.0.0)
    package93951 (1.0.0)
    package93952 (1.0.0)
    package93953 (1.0.0)
    package93954 (1.0.0)
    package93955 (1.0.0)
    package93956 (1.0.0)
    package93957 (1.0.0)
    package93958 (1.0.0)
    package93959 (1.0.0)
    package93960 (1.0.0)
    package93961 (1.0.0)
    package93962 (1.0.0)
    package93963 (1.0.0)
    package93964 (1.0.0)
    package93965 (1.0.0)
    package93966 (1.0.0)
    package93967 (1.0.0)
    package93968 (1.0.0)
    package93969 (1.0.0)
    package93970 (1.0.0)
    package93971 (1.0.0)
    package93972 (1.0.0)
    package93973 (1.0.0)
    package93974 (1.0.0)
    package93975 (1.0.0)
    package93976 (1.0.0)
    package93977 (1.0.0)
    package93978 (1.0.0)
    package93979 (1.0.0)
    package93980 (1.0.0)
    package93981 (1.0.0)
    package93982 (1.0.0)
    package93983 (1.0.0)
    package93984 (1.0.0)
    package93985 (1.0.0)
    package93986 (1.0.0)
    package93987 (1.0.0)
    package93988 (1.0.0)
    package93989 (1.0.0)
    package93990 (1.0.0)
    package93991 (1.0.0)
    package93992 (1.0.0)
    package93993 (1.0.0)
    package93994 (1.0.0)
    package93995 (1.0.0)
    package93996 (1.0.0)
    package93997 (1.0.0)
    package93998 (1.0.0)
    package93999 (1.0.0)
    package94000 (1.0.0)
    package94001 (1.0.0)
    package94002 (1.0.0)
    package94003 (1.0.0)
    package94004 (1.0.0)
    package94005 (1.0.0)
    package94006 (1.0.0)
    package94007 (1.0.0)
    package94008 (1.0.0)
    package94009 (1.0.0)
    package94010 (1.0.0)
    package94011 (1.0.0)
    package94012 (1.0.0)
    package94013 (1.0.0)
    package94014 (1.0.0)
    package94015 (1.0.0)
    package94016 (1.0.0)
    package94017 (1.0.0)
    package94018 (1.0.0)
    package94019 (1.0.0)
    package94020 (1.0.0)
    package94021 (1.0.0)
    package94022 (1.0.0)
    package94023 (1.0.0)
    package94024 (1.0.0)
    package94025 (1.0.0)
    package94026 (1.0.0)
    package94027 (1.0.0)
    package94028 (1.0.0)
    package94029 (1.0.0)
    package94030 (1.0.0)
    package94031 (1.0.0)
    package94032 (1.0.0)
    package94033 (1.0.0)
    package94034 (1.0.0)
    package94035 (1.0.0)
    package94036 (1.0.0)
    package94037 (1.0.0)
    package94038 (1.0.0)
    package94039 (1.0.0)
    package94040 (1.0.0)
    package94041 (1.0.0)
    package94042 (1.0.0)
    package94043 (1.0.0)
    package94044 (1.0.0)
    package94045 (1.0.0)
    package94046 (1.0.0)
    package94047 (1.0.0)
    package94048 (1.0.0)
    package94049 (1.0.0)
    package94050 (1.0.0)
    package94051 (1.0.0)
    package94052 (1.0.0)
    package94053 (1.0.0)
    package94054 (1.0.0)
    package94055 (1.0.0)
    package94056 (1.0.0)
    package94057 (1.0.0)
    package94058 (1.0.0)
    package94059 (1.0.0)
    package94060 (1.0.0)
    package94061 (1.0.0)
    package94062 (1.0.0)
    package94063 (1.0.0)
    package94064 (1.0.0)
    package94065 (1.0.0)
    package94066 (1.0.0)
    package94067 (1.0.0)
    package94068 (1.0.0)
    package94069 (1.0.0)
    package94070 (1.0.0)
    package94071 (1.0.0)
    package94072 (1.0.0)
    package94073 (1.0.0)
    package94074 (1.0.0)
    package94075 (1.0.0)
    package94076 (1.0.0)
    package94077 (1.0.0)
    package94078 (1.0.0)
    package94079 (1.0.0)
    package94080 (1.0.0)
    package94081 (1.0.0)
    package94082 (1.0.0)
    package94083 (1.0.0)
    package94084 (1.0.0)
    package94085 (1.0.0)
    package94086 (1.0.0)
    package94087 (1.0.0)
    package94088 (1.0.0)
    package94089 (1.0.0)
    package94090 (1.0.0)
    package94091 (1.0.0)
    package94092 (1.0.0)
    package94093 (1.0.0)
    package94094 (1.0.0)
    package94095 (1.0.0)
    package94096 (1.0.0)
    package94097 (1.0.0)
    package94098 (1.0.0)
    package94099 (1.0.0)
    package94100 (1.0.0)
    package94101 (1.0.0)
    package94102 (1.0.0)
    package94103 (1.0.0)
    package94104 (1.0.0)
    package94105 (1.0.0)
    package94106 (1.0.0)
    package94107 (1.0.0)
    package94108 (1.0.0)
    package94109 (1.0.0)
    package94110 (1.0.0)
    package94111 (1.0.0)
    package94112 (1.0.0)
    package94113 (1.0.0)
    package94114 (1.0.0)
    package94115 (1.0.0)
    package94116 (1.0.0)
    package94117 (1.0.0)
    package94118 (1.0.0)
    package94119 (1.0.0)
    package94120 (1.0.0)
    package94121 (1.0.0)
    package94122 (1.0.0)
    package94123 (1.0.0)
    package94124 (1.0.0)
    package94125 (1.0.0)
    package94126 (1.0.0)
    package94127 (1.0.0)
    package94128 (1.0.0)
    package94129 (1.0.0)
    package94130 (1.0.0)
    package94131 (1.0.0)
    package94132 (1.0.0)
    package94133 (1.0.0)
    package94134 (1.0.0)
    package94135 (1.0.0)
    package94136 (1.0.0)
    package94137 (1.0.0)
    package94138 (1.0.0)
    package94139 (1.0.0)
    package94140 (1.0.0)
    package94141 (1.0.0)
    package94142 (1.0.0)
    package94143 (1.0.0)
    package94144 (1.0.0)
    package94145 (1.0.0)
    package94146 (1.0.0)
    package94147 (1.0.0)
    package94148 (1.0.0)
    package94149 (1.0.0)
    package94150 (1.0.0)
    package94151 (1.0.0)
    package94152 (1.0.0)
    package94153 (1.0.0)
    package94154 (1.0.0)
    package94155 (1.0.0)
    package94156 (1.0.0)
    package94157 (1.0.0)
    package94158 (1.0.0)
    package94159 (1.0.0)
    package94160 (1.0.0)
    package94161 (1.0.0)
    package94162 (1.0.0)
    package94163 (1.0.0)
    package94164 (1.0.0)
    package94165 (1.0.0)
    package94166 (1.0.0)
    package94167 (1.0.0)
    package94168 (1.0.0)
    package94169 (1.0.0)
    package94170 (1.0.0)
    package94171 (1.0.0)
    package94172 (1.0.0)
    package94173 (1.0.0)
    package94174 (1.0.0)
    package94175 (1.0.0)
    package94176 (1.0.0)
    package94177 (1.0.0)
    package94178 (1.0.0)
    package94179 (1.0.0)
    package94180 (1.0.0)
    package94181 (1.0.0)
    package94182 (1.0.0)
    package94183 (1.0.0)
    package94184 (1.0.0)
    package94185 (1.0.0)
    package94186 (1.0.0)
    package94187 (1.0.0)
    package94188 (1.0.0)
    package94189 (1.0.0)
    package94190 (1.0.0)
    package94191 (1.0.0)
    package94192 (1.0.0)
    package94193 (1.0.0)
    package94194 (1.0.0)
    package94195 (1.0.0)
    package94196 (1.0.0)
    package94197 (1.0.0)
    package94198 (1.0.0)
    package94199 (1.0.0)
    package94200 (1.0.0)
    package94201 (1.0.0)
    package94202 (1.0.0)
    package94203 (1.0.0)
    package94204 (1.0.0)
    package94205 (1.0.0)
    package94206 (1.0.0)
    package94207 (1.0.0)
    package94208 (1.0.0)
    package94209 (1.0.0)
    package94210 (1.0.0)
    package94211 (1.0.0)
    package94212 (1.0.0)
    package94213 (1.0.0)
    package94214 (1.0.0)
    package94215 (1.0.0)
    package94216 (1.0.0)
    package94217 (1.0.0)
    package94218 (1.0.0)
    package94219 (1.0.0)
    package94220 (1.0.0)
    package94221 (1.0.0)
    package94222 (1.0.0)
    package94223 (1.0.0)
    package94224 (1.0.0)
    package94225 (1.0.0)
    package94226 (1.0.0)
    package94227 (1.0.0)
    package94228 (1.0.0)
    package94229 (1.0.0)
    package94230 (1.0.0)
    package94231 (1.0.0)
    package94232 (1.0.0)
    package94233 (1.0.0)
    package94234 (1.0.0)
    package94235 (1.0.0)
    package94236 (1.0.0)
    package94237 (1.0.0)
    package94238 (1.0.0)
    package94239 (1.0.0)
    package94240 (1.0.0)
    package94241 (1.0.0)
    package94242 (1.0.0)
    package94243 (1.0.0)
    package94244 (1.0.0)
    package94245 (1.0.0)
    package94246 (1.0.0)
    package94247 (1.0.0)
    package94248 (1.0.0)
    package94249 (1.0.0)
    package94250 (1.0.0)
    package94251 (1.0.0)
    package94252 (1.0.0)
    package94253 (1.0.0)
    package94254 (1.0.0)
    package94255 (1.0.0)
    package94256 (1.0.0)
    package94257 (1.0.0)
    package94258 (1.0.0)
    package94259 (1.0.0)
    package94260 (1.0.0)
    package94261 (1.0.0)
    package94262 (1.0.0)
    package94263 (1.0.0)
    package94264 (1.0.0)
    package94265 (1.0.0)
    package94266 (1.0.0)
    package94267 (1.0.0)
    package94268 (1.0.0)
    package94269 (1.0.0)
    package94270 (1.0.0)
    package94271 (1.0.0)
    package94272 (1.0.0)
    package94273 (1.0.0)
    package94274 (1.0.0)
    package94275 (1.0.0)
    package94276 (1.0.0)
    package94277 (1.0.0)
    package94278 (1.0.0)
    package94279 (1.0.0)
    package94280 (1.0.0)
    package94281 (1.0.0)
    package94282 (1.0.0)
    package94283 (1.0.0)
    package94284 (1.0.0)
    package94285 (1.0.0)
    package94286 (1.0.0)
    package94287 (1.0.0)
    package94288 (1.0.0)
    package94289 (1.0.0)
    package94290 (1.0.0)
    package94291 (1.0.0)
    package94292 (1.0.0)
    package94293 (1.0.0)
    package94294 (1.0.0)
    package94295 (1.0.0)
    package94296 (1.0.0)
    package94297 (1.0.0)
    package94298 (1.0.0)
    package94299 (1.0.0)
    package94300 (1.0.0)
    package94301 (1.0.0)
    package94302 (1.0.0)
    package94303 (1.0.0)
    package94304 (1.0.0)
    package94305 (1.0.0)
    package94306 (1.0.0)
    package94307 (1.0.0)
    package94308 (1.0.0)
    package94309 (1.0.0)
    package94310 (1.0.0)
    package94311 (1.0.0)
    package94312 (1.0.0)
    package94313 (1.0.0)
    package94314 (1.0.0)
    package94315 (1.0.0)
    package94316 (1.0.0)
    package94317 (1.0.0)
    package94318 (1.0.0)
    package94319 (1.0.0)
    package94320 (1.0.0)
    package94321 (1.0.0)
    package94322 (1.0.0)
    package94323 (1.0.0)
    package94324 (1.0.0)
    package94325 (1.0.0)
    package94326 (1.0.0)
    package94327 (1.0.0)
    package94328 (1.0.0)
    package94329 (1.0.0)
    package94330 (1.0.0)
    package94331 (1.0.0)
    package94332 (1.0.0)
    package94333 (1.0.0)
    package94334 (1.0.0)
    package94335 (1.0.0)
    package94336 (1.0.0)
    package94337 (1.0.0)
    package94338 (1.0.0)
    package94339 (1.0.0)
    package94340 (1.0.0)
    package94341 (1.0.0)
    package94342 (1.0.0)
    package94343 (1.0.0)
    package94344 (1.0.0)
    package94345 (1.0.0)
    package94346 (1.0.0)
    package94347 (1.0.0)
    package94348 (1.0.0)
    package94349 (1.0.0)
    package94350 (1.0.0)
    package94351 (1.0.0)
    package94352 (1.0.0)
    package94353 (1.0.0)
    package94354 (1.0.0)
    package94355 (1.0.0)
    package94356 (1.0.0)
    package94357 (1.0.0)
    package94358 (1.0.0)
    package94359 (1.0.0)
    package94360 (1.0.0)
    package94361 (1.0.0)
    package94362 (1.0.0)
    package94363 (1.0.0)
    package94364 (1.0.0)
    package94365 (1.0.0)
    package94366 (1.0.0)
    package94367 (1.0.0)
    package94368 (1.0.0)
    package94369 (1.0.0)
    package94370 (1.0.0)
    package94371 (1.0.0)
    package94372 (1.0.0)
    package94373 (1.0.0)
    package94374 (1.0.0)
    package94375 (1.0.0)
    package94376 (1.0.0)
    package94377 (1.0.0)
    package94378 (1.0.0)
    package94379 (1.0.0)
    package94380 (1.0.0)
    package94381 (1.0.0)
    package94382 (1.0.0)
    package94383 (1.0.0)
    package94384 (1.0.0)
    package94385 (1.0.0)
    package94386 (1.0.0)
    package94387 (1.0.0)
    package94388 (1.0.0)
    package94389 (1.0.0)
    package94390 (1.0.0)
    package94391 (1.0.0)
    package94392 (1.0.0)
    package94393 (1.0.0)
    package94394 (1.0.0)
    package94395 (1.0.0)
    package94396 (1.0.0)
    package94397 (1.0.0)
    package94398 (1.0.0)
    package94399 (1.0.0)
    package94400 (1.0.0)
    package94401 (1.0.0)
    package94402 (1.0.0)
    package94403 (1.0.0)
    package94404 (1.0.0)
    package94405 (1.0.0)
    package94406 (1.0.0)
    package94407 (1.0.0)
    package94408 (1.0.0)
    package94409 (1.0.0)
    package94410 (1.0.0)
    package94411 (1.0.0)
    package94412 (1.0.0)
    package94413 (1.0.0)
    package94414 (1.0.0)
    package94415 (1.0.0)
    package94416 (1.0.0)
    package94417 (1.0.0)
    package94418 (1.0.0)
    package94419 (1.0.0)
    package94420 (1.0.0)
    package94421 (1.0.0)
    package94422 (1.0.0)
    package94423 (1.0.0)
    package94424 (1.0.0)
    package94425 (1.0.0)
    package94426 (1.0.0)
    package94427 (1.0.0)
    package94428 (1.0.0)
    package94429 (1.0.0)
    package94430 (1.0.0)
    package94431 (1.0.0)
    package94432 (1.0.0)
    package94433 (1.0.0)
    package94434 (1.0.0)
    package94435 (1.0.0)
    package94436 (1.0.0)
    package94437 (1.0.0)
    package94438 (1.0.0)
    package94439 (1.0.0)
    package94440 (1.0.0)
    package94441 (1.0.0)
    package94442 (1.0.0)
    package94443 (1.0.0)
    package94444 (1.0.0)
    package94445 (1.0.0)
    package94446 (1.0.0)
    package94447 (1.0.0)
    package94448 (1.0.0)
    package94449 (1.0.0)
    package94450 (1.0.0)
    package94451 (1.0.0)
    package94452 (1.0.0)
    package94453 (1.0.0)
    package94454 (1.0.0)
    package94455 (1.0.0)
    package94456 (1.0.0)
    package94457 (1.0.0)
    package94458 (1.0.0)
    package94459 (1.0.0)
    package94460 (1.0.0)
    package94461 (1.0.0)
    package94462 (1.0.0)
    package94463 (1.0.0)
    package94464 (1.0.0)
    package94465 (1.0.0)
    package94466 (1.0.0)
    package94467 (1.0.0)
    package94468 (1.0.0)
    package94469 (1.0.0)
    package94470 (1.0.0)
    package94471 (1.0.0)
    package94472 (1.0.0)
    package94473 (1.0.0)
    package94474 (1.0.0)
    package94475 (1.0.0)
    package94476 (1.0.0)
    package94477 (1.0.0)
    package94478 (1.0.0)
    package94479 (1.0.0)
    package94480 (1.0.0)
    package94481 (1.0.0)
    package94482 (1.0.0)
    package94483 (1.0.0)
    package94484 (1.0.0)
    package94485 (1.0.0)
    package94486 (1.0.0)
    package94487 (1.0.0)
    package94488 (1.0.0)
    package94489 (1.0.0)
    package94490 (1.0.0)
    package94491 (1.0.0)
    package94492 (1.0.0)
    package94493 (1.0.0)
    package94494 (1.0.0)
    package94495 (1.0.0)
    package94496 (1.0.0)
    package94497 (1.0.0)
    package94498 (1.0.0)
    package94499 (1.0.0)
    package94500 (1.0.0)
    package94501 (1.0.0)
    package94502 (1.0.0)
    package94503 (1.0.0)
    package94504 (1.0.0)
    package94505 (1.0.0)
    package94506 (1.0.0)
    package94507 (1.0.0)
    package94508 (1.0.0)
    package94509 (1.0.0)
    package94510 (1.0.0)
    package94511 (1.0.0)
    package94512 (1.0.0)
    package94513 (1.0.0)
    package94514 (1.0.0)
    package94515 (1.0.0)
    package94516 (1.0.0)
    package94517 (1.0.0)
    package94518 (1.0.0)
    package94519 (1.0.0)
    package94520 (1.0.0)
    package94521 (1.0.0)
    package94522 (1.0.0)
    package94523 (1.0.0)
    package94524 (1.0.0)
    package94525 (1.0.0)
    package94526 (1.0.0)
    package94527 (1.0.0)
    package94528 (1.0.0)
    package94529 (1.0.0)
    package94530 (1.0.0)
    package94531 (1.0.0)
    package94532 (1.0.0)
    package94533 (1.0.0)
    package94534 (1.0.0)
    package94535 (1.0.0)
    package94536 (1.0.0)
    package94537 (1.0.0)
    package94538 (1.0.0)
    package94539 (1.0.0)
    package94540 (1.0.0)
    package94541 (1.0.0)
    package94542 (1.0.0)
    package94543 (1.0.0)
    package94544 (1.0.0)
    package94545 (1.0.0)
    package94546 (1.0.0)
    package94547 (1.0.0)
    package94548 (1.0.0)
    package94549 (1.0.0)
    package94550 (1.0.0)
    package94551 (1.0.0)
    package94552 (1.0.0)
    package94553 (1.0.0)
    package94554 (1.0.0)
    package94555 (1.0.0)
    package94556 (1.0.0)
    package94557 (1.0.0)
    package94558 (1.0.0)
    package94559 (1.0.0)
    package94560 (1.0.0)
    package94561 (1.0.0)
    package94562 (1.0.0)
    package94563 (1.0.0)
    package94564 (1.0.0)
    package94565 (1.0.0)
    package94566 (1.0.0)
    package94567 (1.0.0)
    package94568 (1.0.0)
    package94569 (1.0.0)
    package94570 (1.0.0)
    package94571 (1.0.0)
    package94572 (1.0.0)
    package94573 (1.0.0)
    package94574 (1.0.0)
    package94575 (1.0.0)
    package94576 (1.0.0)
    package94577 (1.0.0)
    package94578 (1.0.0)
    package94579 (1.0.0)
    package94580 (1.0.0)
    package94581 (1.0.0)
    package94582 (1.0.0)
    package94583 (1.0.0)
    package94584 (1.0.0)
    package94585 (1.0.0)
    package94586 (1.0.0)
    package94587 (1.0.0)
    package94588 (1.0.0)
    package94589 (1.0.0)
    package94590 (1.0.0)
    package94591 (1.0.0)
    package94592 (1.0.0)
    package94593 (1.0.0)
    package94594 (1.0.0)
    package94595 (1.0.0)
    package94596 (1.0.0)
    package94597 (1.0.0)
    package94598 (1.0.0)
    package94599 (1.0.0)
    package94600 (1.0.0)
    package94601 (1.0.0)
    package94602 (1.0.0)
    package94603 (1.0.0)
    package94604 (1.0.0)
    package94605 (1.0.0)
    package94606 (1.0.0)
    package94607 (1.0.0)
    package94608 (1.0.0)
    package94609 (1.0.0)
    package94610 (1.0.0)
    package94611 (1.0.0)
    package94612 (1.0.0)
    package94613 (1.0.0)
    package94614 (1.0.0)
    package94615 (1.0.0)
    package94616 (1.0.0)
    package94617 (1.0.0)
    package94618 (1.0.0)
    package94619 (1.0.0)
    package94620 (1.0.0)
    package94621 (1.0.0)
    package94622 (1.0.0)
    package94623 (1.0.0)
    package94624 (1.0.0)
    package94625 (1.0.0)
    package94626 (1.0.0)
    package94627 (1.0.0)
    package94628 (1.0.0)
    package94629 (1.0.0)
    package94630 (1.0.0)
    package94631 (1.0.0)
    package94632 (1.0.0)
    package94633 (1.0.0)
    package94634 (1.0.0)
    package94635 (1.0.0)
    package94636 (1.0.0)
    package94637 (1.0.0)
    package94638 (1.0.0)
    package94639 (1.0.0)
    package94640 (1.0.0)
    package94641 (1.0.0)
    package94642 (1.0.0)
    package94643 (1.0.0)
    package94644 (1.0.0)
    package94645 (1.0.0)
    package94646 (1.0.0)
    package94647 (1.0.0)
    package94648 (1.0.0)
    package94649 (1.0.0)
    package94650 (1.0.0)
    package94651 (1.0.0)
    package94652 (1.0.0)
    package94653 (1.0.0)
    package94654 (1.0.0)
    package94655 (1.0.0)
    package94656 (1.0.0)
    package94657 (1.0.0)
    package94658 (1.0.0)
    package94659 (1.0.0)
    package94660 (1.0.0)
    package94661 (1.0.0)
    package94662 (1.0.0)
    package94663 (1.0.0)
    package94664 (1.0.0)
    package94665 (1.0.0)
    package94666 (1.0.0)
    package94667 (1.0.0)
    package94668 (1.0.0)
    package94669 (1.0.0)
    package94670 (1.0.0)
    package94671 (1.0.0)
    package94672 (1.0.0)
    package94673 (1.0.0)
    package94674 (1.0.0)
    package94675 (1.0.0)
    package94676 (1.0.0)
    package94677 (1.0.0)
    package94678 (1.0.0)
    package94679 (1.0.0)
    package94680 (1.0.0)
    package94681 (1.0.0)
    package94682 (1.0.0)
    package94683 (1.0.0)
    package94684 (1.0.0)
    package94685 (1.0.0)
    package94686 (1.0.0)
    package94687 (1.0.0)
    package94688 (1.0.0)
    package94689 (1.0.0)
    package94690 (1.0.0)
    package94691 (1.0.0)
    package94692 (1.0.0)
    package94693 (1.0.0)
    package94694 (1.0.0)
    package94695 (1.0.0)
    package94696 (1.0.0)
    package94697 (1.0.0)
    package94698 (1.0.0)
    package94699 (1.0.0)
    package94700 (1.0.0)
    package94701 (1.0.0)
    package94702 (1.0.0)
    package94703 (1.0.0)
    package94704 (1.0.0)
    package94705 (1.0.0)
    package94706 (1.0.0)
    package94707 (1.0.0)
    package94708 (1.0.0)
    package94709 (1.0.0)
    package94710 (1.0.0)
    package94711 (1.0.0)
    package94712 (1.0.0)
    package94713 (1.0.0)
    package94714 (1.0.0)
    package94715 (1.0.0)
    package94716 (1.0.0)
    package94717 (1.0.0)
    package94718 (1.0.0)
    package94719 (1.0.0)
    package94720 (1.0.0)
    package94721 (1.0.0)
    package94722 (1.0.0)
    package94723 (1.0.0)
    package94724 (1.0.0)
    package94725 (1.0.0)
    package94726 (1.0.0)
    package94727 (1.0.0)
    package94728 (1.0.0)
    package94729 (1.0.0)
    package94730 (1.0.0)
    package94731 (1.0.0)
    package94732 (1.0.0)
    package94733 (1.0.0)
    package94734 (1.0.0)
    package94735 (1.0.0)
    package94736 (1.0.0)
    package94737 (1.0.0)
    package94738 (1.0.0)
    package94739 (1.0.0)
    package94740 (1.0.0)
    package94741 (1.0.0)
    package94742 (1.0.0)
    package94743 (1.0.0)
    package94744 (1.0.0)
    package94745 (1.0.0)
    package94746 (1.0.0)
    package94747 (1.0.0)
    package94748 (1.0.0)
    package94749 (1.0.0)
    package94750 (1.0.0)
    package94751 (1.0.0)
    package94752 (1.0.0)
    package94753 (1.0.0)
    package94754 (1.0.0)
    package94755 (1.0.0)
    package94756 (1.0.0)
    package94757 (1.0.0)
    package94758 (1.0.0)
    package94759 (1.0.0)
    package94760 (1.0.0)
    package94761 (1.0.0)
    package94762 (1.0.0)
    package94763 (1.0.0)
    package94764 (1.0.0)
    package94765 (1.0.0)
    package94766 (1.0.0)
    package94767 (1.0.0)
    package94768 (1.0.0)
    package94769 (1.0.0)
    package94770 (1.0.0)
    package94771 (1.0.0)
    package94772 (1.0.0)
    package94773 (1.0.0)
    package94774 (1.0.0)
    package94775 (1.0.0)
    package94776 (1.0.0)
    package94777 (1.0.0)
    package94778 (1.0.0)
    package94779 (1.0.0)
    package94780 (1.0.0)
    package94781 (1.0.0)
    package94782 (1.0.0)
    package94783 (1.0.0)
    package94784 (1.0.0)
    package94785 (1.0.0)
    package94786 (1.0.0)
    package94787 (1.0.0)
    package94788 (1.0.0)
    package94789 (1.0.0)
    package94790 (1.0.0)
    package94791 (1.0.0)
    package94792 (1.0.0)
    package94793 (1.0.0)
    package94794 (1.0.0)
    package94795 (1.0.0)
    package94796 (1.0.0)
    package94797 (1.0.0)
    package94798 (1.0.0)
    package94799 (1.0.0)
    package94800 (1.0.0)
    package94801 (1.0.0)
    package94802 (1.0.0)
    package94803 (1.0.0)
    package94804 (1.0.0)
    package94805 (1.0.0)
    package94806 (1.0.0)
    package94807 (1.0.0)
    package94808 (1.0.0)
    package94809 (1.0.0)
    package94810 (1.0.0)
    package94811 (1.0.0)
    package94812 (1.0.0)
    package94813 (1.0.0)
    package94814 (1.0.0)
    package94815 (1.0.0)
    package94816 (1.0.0)
    package94817 (1.0.0)
    package94818 (1.0.0)
    package94819 (1.0.0)
    package94820 (1.0.0)
    package94821 (1.0.0)
    package94822 (1.0.0)
    package94823 (1.0.0)
    package94824 (1.0.0)
    package94825 (1.0.0)
    package94826 (1.0.0)
    package94827 (1.0.0)
    package94828 (1.0.0)
    package94829 (1.0.0)
    package94830 (1.0.0)
    package94831 (1.0.0)
    package94832 (1.0.0)
    package94833 (1.0.0)
    package94834 (1.0.0)
    package94835 (1.0.0)
    package94836 (1.0.0)
    package94837 (1.0.0)
    package94838 (1.0.0)
    package94839 (1.0.0)
    package94840 (1.0.0)
    package94841 (1.0.0)
    package94842 (1.0.0)
    package94843 (1.0.0)
    package94844 (1.0.0)
    package94845 (1.0.0)
    package94846 (1.0.0)
    package94847 (1.0.0)
    package94848 (1.0.0)
    package94849 (1.0.0)
    package94850 (1.0.0)
    package94851 (1.0.0)
    package94852 (1.0.0)
    package94853 (1.0.0)
    package94854 (1.0.0)
    package94855 (1.0.0)
    package94856 (1.0.0)
    package94857 (1.0.0)
    package94858 (1.0.0)
    package94859 (1.0.0)
    package94860 (1.0.0)
    package94861 (1.0.0)
    package94862 (1.0.0)
    package94863 (1.0.0)
    package94864 (1.0.0)
    package94865 (1.0.0)
    package94866 (1.0.0)
    package94867 (1.0.0)
    package94868 (1.0.0)
    package94869 (1.0.0)
    package94870 (1.0.0)
    package94871 (1.0.0)
    package94872 (1.0.0)
    package94873 (1.0.0)
    package94874 (1.0.0)
    package94875 (1.0.0)
    package94876 (1.0.0)
    package94877 (1.0.0)
    package94878 (1.0.0)
    package94879 (1.0.0)
    package94880 (1.0.0)
    package94881 (1.0.0)
    package94882 (1.0.0)
    package94883 (1.0.0)
    package94884 (1.0.0)
    package94885 (1.0.0)
    package94886 (1.0.0)
    package94887 (1.0.0)
    package94888 (1.0.0)
    package94889 (1.0.0)
    package94890 (1.0.0)
    package94891 (1.0.0)
    package94892 (1.0.0)
    package94893 (1.0.0)
    package94894 (1.0.0)
    package94895 (1.0.0)
    package94896 (1.0.0)
    package94897 (1.0.0)
    package94898 (1.0.0)
    package94899 (1.0.0)
    package94900 (1.0.0)
    package94901 (1.0.0)
    package94902 (1.0.0)
    package94903 (1.0.0)
    package94904 (1.0.0)
    package94905 (1.0.0)
    package94906 (1.0.0)
    package94907 (1.0.0)
    package94908 (1.0.0)
    package94909 (1.0.0)
    package94910 (1.0.0)
    package94911 (1.0.0)
    package94912 (1.0.0)
    package94913 (1.0.0)
    package94914 (1.0.0)
    package94915 (1.0.0)
    package94916 (1.0.0)
    package94917 (1.0.0)
    package94918 (1.0.0)
    package94919 (1.0.0)
    package94920 (1.0.0)
    package94921 (1.0.0)
    package94922 (1.0.0)
    package94923 (1.0.0)
    package94924 (1.0.0)
    package94925 (1.0.0)
    package94926 (1.0.0)
    package94927 (1.0.0)
    package94928 (1.0.0)
    package94929 (1.0.0)
    package94930 (1.0.0)
    package94931 (1.0.0)
    package94932 (1.0.0)
    package94933 (1.0.0)
    package94934 (1.0.0)
    package94935 (1.0.0)
    package94936 (1.0.0)
    package94937 (1.0.0)
    package94938 (1.0.0)
    package94939 (1.0.0)
    package94940 (1.0.0)
    package94941 (1.0.0)
    package94942 (1.0.0)
    package94943 (1.0.0)
    package94944 (1.0.0)
    package94945 (1.0.0)
    package94946 (1.0.0)
    package94947 (1.0.0)
    package94948 (1.0.0)
    package94949 (1.0.0)
    package94950 (1.0.0)
    package94951 (1.0.0)
    package94952 (1.0.0)
    package94953 (1.0.0)
    package94954 (1.0.0)
    package94955 (1.0.0)
    package94956 (1.0.0)
    package94957 (1.0.0)
    package94958 (1.0.0)
    package94959 (1.0.0)
    package94960 (1.0.0)
    package94961 (1.0.0)
    package94962 (1.0.0)
    package94963 (1.0.0)
    package94964 (1.0.0)
    package94965 (1.0.0)
    package94966 (1.0.0)
    package94967 (1.0.0)
    package94968 (1.0.0)
    package94969 (1.0.0)
    package94970 (1.0.0)
    package94971 (1.0.0)
    package94972 (1.0.0)
    package94973 (1.0.0)
    package94974 (1.0.0)
    package94975 (1.0.0)
    package94976 (1.0.0)
    package94977 (1.0.0)
    package94978 (1.0.0)
    package94979 (1.0.0)
    package94980 (1.0.0)
    package94981 (1.0.0)
    package94982 (1.0.0)
    package94983 (1.0.0)
    package94984 (1.0.0)
    package94985 (1.0.0)
    package94986 (1.0.0)
    package94987 (1.0.0)
    package94988 (1.0.0)
    package94989 (1.0.0)
    package94990 (1.0.0)
    package94991 (1.0.0)
    package94992 (1.0.0)
    package94993 (1.0.0)
    package94994 (1.0.0)
    package94995 (1.0.0)
    package94996 (1.0.0)
    package94997 (1.0.0)
    package94998 (1.0.0)
    package94999 (1.0.0)
    package95000 (1.0.0)
    package95001 (1.0.0)
    package95002 (1.0.0)
    package95003 (1.0.0)
    package95004 (1.0.0)
    package95005 (1.0.0)
    package95006 (1.0.0)
    package95007 (1.0.0)
    package95008 (1.0.0)
    package95009 (1.0.0)
    package95010 (1.0.0)
    package95011 (1.0.0)
    package95012 (1.0.0)
    package95013 (1.0.0)
    package95014 (1.0.0)
    package95015 (1.0.0)
    package95016 (1.0.0)
    package95017 (1.0.0)
    package95018 (1.0.0)
    package95019 (1.0.0)
    package95020 (1.0.0)
    package95021 (1.0.0)
    package95022 (1.0.0)
    package95023 (1.0.0)
    package95024 (1.0.0)
    package95025 (1.0.0)
    package95026 (1.0.0)
    package95027 (1.0.0)
    package95028 (1.0.0)
    package95029 (1.0.0)
    package95030 (1.0.0)
    package95031 (1.0.0)
    package95032 (1.0.0)
    package95033 (1.0.0)
    package95034 (1.0.0)
    package95035 (1.0.0)
    package95036 (1.0.0)
    package95037 (1.0.0)
    package95038 (1.0.0)
    package95039 (1.0.0)
    package95040 (1.0.0)
    package95041 (1.0.0)
    package95042 (1.0.0)
    package95043 (1.0.0)
    package95044 (1.0.0)
    package95045 (1.0.0)
    package95046 (1.0.0)
    package95047 (1.0.0)
    package95048 (1.0.0)
    package95049 (1.0.0)
    package95050 (1.0.0)
    package95051 (1.0.0)
    package95052 (1.0.0)
    package95053 (1.0.0)
    package95054 (1.0.0)
    package95055 (1.0.0)
    package95056 (1.0.0)
    package95057 (1.0.0)
    package95058 (1.0.0)
    package95059 (1.0.0)
    package95060 (1.0.0)
    package95061 (1.0.0)
    package95062 (1.0.0)
    package95063 (1.0.0)
    package95064 (1.0.0)
    package95065 (1.0.0)
    package95066 (1.0.0)
    package95067 (1.0.0)
    package95068 (1.0.0)
    package95069 (1.0.0)
    package95070 (1.0.0)
    package95071 (1.0.0)
    package95072 (1.0.0)
    package95073 (1.0.0)
    package95074 (1.0.0)
    package95075 (1.0.0)
    package95076 (1.0.0)
    package95077 (1.0.0)
    package95078 (1.0.0)
    package95079 (1.0.0)
    package95080 (1.0.0)
    package95081 (1.0.0)
    package95082 (1.0.0)
    package95083 (1.0.0)
    package95084 (1.0.0)
    package95085 (1.0.0)
    package95086 (1.0.0)
    package95087 (1.0.0)
    package95088 (1.0.0)
    package95089 (1.0.0)
    package95090 (1.0.0)
    package95091 (1.0.0)
    package95092 (1.0.0)
    package95093 (1.0.0)
    package95094 (1.0.0)
    package95095 (1.0.0)
    package95096 (1.0.0)
    package95097 (1.0.0)
    package95098 (1.0.0)
    package95099 (1.0.0)
    package95100 (1.0.0)
    package95101 (1.0.0)
    package95102 (1.0.0)
    package95103 (1.0.0)
    package95104 (1.0.0)
    package95105 (1.0.0)
    package95106 (1.0.0)
    package95107 (1.0.0)
    package95108 (1.0.0)
    package95109 (1.0.0)
    package95110 (1.0.0)
    package95111 (1.0.0)
    package95112 (1.0.0)
    package95113 (1.0.0)
    package95114 (1.0.0)
    package95115 (1.0.0)
    package95116 (1.0.0)
    package95117 (1.0.0)
    package95118 (1.0.0)
    package95119 (1.0.0)
    package95120 (1.0.0)
    package95121 (1.0.0)
    package95122 (1.0.0)
    package95123 (1.0.0)
    package95124 (1.0.0)
    package95125 (1.0.0)
    package95126 (1.0.0)
    package95127 (1.0.0)
    package95128 (1.0.0)
    package95129 (1.0.0)
    package95130 (1.0.0)
    package95131 (1.0.0)
    package95132 (1.0.0)
    package95133 (1.0.0)
    package95134 (1.0.0)
    package95135 (1.0.0)
    package95136 (1.0.0)
    package95137 (1.0.0)
    package95138 (1.0.0)
    package95139 (1.0.0)
    package95140 (1.0.0)
    package95141 (1.0.0)
    package95142 (1.0.0)
    package95143 (1.0.0)
    package95144 (1.0.0)
    package95145 (1.0.0)
    package95146 (1.0.0)
    package95147 (1.0.0)
    package95148 (1.0.0)
    package95149 (1.0.0)
    package95150 (1.0.0)
    package95151 (1.0.0)
    package95152 (1.0.0)
    package95153 (1.0.0)
    package95154 (1.0.0)
    package95155 (1.0.0)
    package95156 (1.0.0)
    package95157 (1.0.0)
    package95158 (1.0.0)
    package95159 (1.0.0)
    package95160 (1.0.0)
    package95161 (1.0.0)
    package95162 (1.0.0)
    package95163 (1.0.0)
    package95164 (1.0.0)
    package95165 (1.0.0)
    package95166 (1.0.0)
    package95167 (1.0.0)
    package95168 (1.0.0)
    package95169 (1.0.0)
    package95170 (1.0.0)
    package95171 (1.0.0)
    package95172 (1.0.0)
    package95173 (1.0.0)
    package95174 (1.0.0)
    package95175 (1.0.0)
    package95176 (1.0.0)
    package95177 (1.0.0)
    package95178 (1.0.0)
    package95179 (1.0.0)
    package95180 (1.0.0)
    package95181 (1.0.0)
    package95182 (1.0.0)
    package95183 (1.0.0)
    package95184 (1.0.0)
    package95185 (1.0.0)
    package95186 (1.0.0)
    package95187 (1.0.0)
    package95188 (1.0.0)
    package95189 (1.0.0)
    package95190 (1.0.0)
    package95191 (1.0.0)
    package95192 (1.0.0)
    package95193 (1.0.0)
    package95194 (1.0.0)
    package95195 (1.0.0)
    package95196 (1.0.0)
    package95197 (1.0.0)
    package95198 (1.0.0)
    package95199 (1.0.0)
    package95200 (1.0.0)
    package95201 (1.0.0)
    package95202 (1.0.0)
    package95203 (1.0.0)
    package95204 (1.0.0)
    package95205 (1.0.0)
    package95206 (1.0.0)
    package95207 (1.0.0)
    package95208 (1.0.0)
    package95209 (1.0.0)
    package95210 (1.0.0)
    package95211 (1.0.0)
    package95212 (1.0.0)
    package95213 (1.0.0)
    package95214 (1.0.0)
    package95215 (1.0.0)
    package95216 (1.0.0)
    package95217 (1.0.0)
    package95218 (1.0.0)
    package95219 (1.0.0)
    package95220 (1.0.0)
    package95221 (1.0.0)
    package95222 (1.0.0)
    package95223 (1.0.0)
    package95224 (1.0.0)
    package95225 (1.0.0)
    package95226 (1.0.0)
    package95227 (1.0.0)
    package95228 (1.0.0)
    package95229 (1.0.0)
    package95230 (1.0.0)
    package95231 (1.0.0)
    package95232 (1.0.0)
    package95233 (1.0.0)
    package95234 (1.0.0)
    package95235 (1.0.0)
    package95236 (1.0.0)
    package95237 (1.0.0)
    package95238 (1.0.0)
    package95239 (1.0.0)
    package95240 (1.0.0)
    package95241 (1.0.0)
    package95242 (1.0.0)
    package95243 (1.0.0)
    package95244 (1.0.0)
    package95245 (1.0.0)
    package95246 (1.0.0)
    package95247 (1.0.0)
    package95248 (1.0.0)
    package95249 (1.0.0)
    package95250 (1.0.0)
    package95251 (1.0.0)
    package95252 (1.0.0)
    package95253 (1.0.0)
    package95254 (1.0.0)
    package95255 (1.0.0)
    package95256 (1.0.0)
    package95257 (1.0.0)
    package95258 (1.0.0)
    package95259 (1.0.0)
    package95260 (1.0.0)
    package95261 (1.0.0)
    package95262 (1.0.0)
    package95263 (1.0.0)
    package95264 (1.0.0)
    package95265 (1.0.0)
    package95266 (1.0.0)
    package95267 (1.0.0)
    package95268 (1.0.0)
    package95269 (1.0.0)
    package95270 (1.0.0)
    package95271 (1.0.0)
    package95272 (1.0.0)
    package95273 (1.0.0)
    package95274 (1.0.0)
    package95275 (1.0.0)
    package95276 (1.0.0)
    package95277 (1.0.0)
    package95278 (1.0.0)
    package95279 (1.0.0)
    package95280 (1.0.0)
    package95281 (1.0.0)
    package95282 (1.0.0)
    package95283 (1.0.0)
    package95284 (1.0.0)
    package95285 (1.0.0)
    package95286 (1.0.0)
    package95287 (1.0.0)
    package95288 (1.0.0)
    package95289 (1.0.0)
    package95290 (1.0.0)
    package95291 (1.0.0)
    package95292 (1.0.0)
    package95293 (1.0.0)
    package95294 (1.0.0)
    package95295 (1.0.0)
    package95296 (1.0.0)
    package95297 (1.0.0)
    package95298 (1.0.0)
    package95299 (1.0.0)
    package95300 (1.0.0)
    package95301 (1.0.0)
    package95302 (1.0.0)
    package95303 (1.0.0)
    package95304 (1.0.0)
    package95305 (1.0.0)
    package95306 (1.0.0)
    package95307 (1.0.0)
    package95308 (1.0.0)
    package95309 (1.0.0)
    package95310 (1.0.0)
    package95311 (1.0.0)
    package95312 (1.0.0)
    package95313 (1.0.0)
    package95314 (1.0.0)
    package95315 (1.0.0)
    package95316 (1.0.0)
    package95317 (1.0.0)
    package95318 (1.0.0)
    package95319 (1.0.0)
    package95320 (1.0.0)
    package95321 (1.0.0)
    package95322 (1.0.0)
    package95323 (1.0.0)
    package95324 (1.0.0)
    package95325 (1.0.0)
    package95326 (1.0.0)
    package95327 (1.0.0)
    package95328 (1.0.0)
    package95329 (1.0.0)
    package95330 (1.0.0)
    package95331 (1.0.0)
    package95332 (1.0.0)
    package95333 (1.0.0)
    package95334 (1.0.0)
    package95335 (1.0.0)
    package95336 (1.0.0)
    package95337 (1.0.0)
    package95338 (1.0.0)
    package95339 (1.0.0)
    package95340 (1.0.0)
    package95341 (1.0.0)
    package95342 (1.0.0)
    package95343 (1.0.0)
    package95344 (1.0.0)
    package95345 (1.0.0)
    package95346 (1.0.0)
    package95347 (1.0.0)
    package95348 (1.0.0)
    package95349 (1.0.0)
    package95350 (1.0.0)
    package95351 (1.0.0)
    package95352 (1.0.0)
    package95353 (1.0.0)
    package95354 (1.0.0)
    package95355 (1.0.0)
    package95356 (1.0.0)
    package95357 (1.0.0)
    package95358 (1.0.0)
    package95359 (1.0.0)
    package95360 (1.0.0)
    package95361 (1.0.0)
    package95362 (1.0.0)
    package95363 (1.0.0)
    package95364 (1.0.0)
    package95365 (1.0.0)
    package95366 (1.0.0)
    package95367 (1.0.0)
    package95368 (1.0.0)
    package95369 (1.0.0)
    package95370 (1.0.0)
    package95371 (1.0.0)
    package95372 (1.0.0)
    package95373 (1.0.0)
    package95374 (1.0.0)
    package95375 (1.0.0)
    package95376 (1.0.0)
    package95377 (1.0.0)
    package95378 (1.0.0)
    package95379 (1.0.0)
    package95380 (1.0.0)
    package95381 (1.0.0)
    package95382 (1.0.0)
    package95383 (1.0.0)
    package95384 (1.0.0)
    package95385 (1.0.0)
    package95386 (1.0.0)
    package95387 (1.0.0)
    package95388 (1.0.0)
    package95389 (1.0.0)
    package95390 (1.0.0)
    package95391 (1.0.0)
    package95392 (1.0.0)
    package95393 (1.0.0)
    package95394 (1.0.0)
    package95395 (1.0.0)
    package95396 (1.0.0)
    package95397 (1.0.0)
    package95398 (1.0.0)
    package95399 (1.0.0)
    package95400 (1.0.0)
    package95401 (1.0.0)
    package95402 (1.0.0)
    package95403 (1.0.0)
    package95404 (1.0.0)
    package95405 (1.0.0)
    package95406 (1.0.0)
    package95407 (1.0.0)
    package95408 (1.0.0)
    package95409 (1.0.0)
    package95410 (1.0.0)
    package95411 (1.0.0)
    package95412 (1.0.0)
    package95413 (1.0.0)
    package95414 (1.0.0)
    package95415 (1.0.0)
    package95416 (1.0.0)
    package95417 (1.0.0)
    package95418 (1.0.0)
    package95419 (1.0.0)
    package95420 (1.0.0)
    package95421 (1.0.0)
    package95422 (1.0.0)
    package95423 (1.0.0)
    package95424 (1.0.0)
    package95425 (1.0.0)
    package95426 (1.0.0)
    package95427 (1.0.0)
    package95428 (1.0.0)
    package95429 (1.0.0)
    package95430 (1.0.0)
    package95431 (1.0.0)
    package95432 (1.0.0)
    package95433 (1.0.0)
    package95434 (1.0.0)
    package95435 (1.0.0)
    package95436 (1.0.0)
    package95437 (1.0.0)
    package95438 (1.0.0)
    package95439 (1.0.0)
    package95440 (1.0.0)
    package95441 (1.0.0)
    package95442 (1.0.0)
    package95443 (1.0.0)
    package95444 (1.0.0)
    package95445 (1.0.0)
    package95446 (1.0.0)
    package95447 (1.0.0)
    package95448 (1.0.0)
    package95449 (1.0.0)
    package95450 (1.0.0)
    package95451 (1.0.0)
    package95452 (1.0.0)
    package95453 (1.0.0)
    package95454 (1.0.0)
    package95455 (1.0.0)
    package95456 (1.0.0)
    package95457 (1.0.0)
    package95458 (1.0.0)
    package95459 (1.0.0)
    package95460 (1.0.0)
    package95461 (1.0.0)
    package95462 (1.0.0)
    package95463 (1.0.0)
    package95464 (1.0.0)
    package95465 (1.0.0)
    package95466 (1.0.0)
    package95467 (1.0.0)
    package95468 (1.0.0)
    package95469 (1.0.0)
    package95470 (1.0.0)
    package95471 (1.0.0)
    package95472 (1.0.0)
    package95473 (1.0.0)
    package95474 (1.0.0)
    package95475 (1.0.0)
    package95476 (1.0.0)
    package95477 (1.0.0)
    package95478 (1.0.0)
    package95479 (1.0.0)
    package95480 (1.0.0)
    package95481 (1.0.0)
    package95482 (1.0.0)
    package95483 (1.0.0)
    package95484 (1.0.0)
    package95485 (1.0.0)
    package95486 (1.0.0)
    package95487 (1.0.0)
    package95488 (1.0.0)
    package95489 (1.0.0)
    package95490 (1.0.0)
    package95491 (1.0.0)
    package95492 (1.0.0)
    package95493 (1.0.0)
    package95494 (1.0.0)
    package95495 (1.0.0)
    package95496 (1.0.0)
    package95497 (1.0.0)
    package95498 (1.0.0)
    package95499 (1.0.0)
    package95500 (1.0.0)
    package95501 (1.0.0)
    package95502 (1.0.0)
    package95503 (1.0.0)
    package95504 (1.0.0)
    package95505 (1.0.0)
    package95506 (1.0.0)
    package95507 (1.0.0)
    package95508 (1.0.0)
    package95509 (1.0.0)
    package95510 (1.0.0)
    package95511 (1.0.0)
    package95512 (1.0.0)
    package95513 (1.0.0)
    package95514 (1.0.0)
    package95515 (1.0.0)
    package95516 (1.0.0)
    package95517 (1.0.0)
    package95518 (1.0.0)
    package95519 (1.0.0)
    package95520 (1.0.0)
    package95521 (1.0.0)
    package95522 (1.0.0)
    package95523 (1.0.0)
    package95524 (1.0.0)
    package95525 (1.0.0)
    package95526 (1.0.0)
    package95527 (1.0.0)
    package95528 (1.0.0)
    package95529 (1.0.0)
    package95530 (1.0.0)
    package95531 (1.0.0)
    package95532 (1.0.0)
    package95533 (1.0.0)
    package95534 (1.0.0)
    package95535 (1.0.0)
    package95536 (1.0.0)
    package95537 (1.0.0)
    package95538 (1.0.0)
    package95539 (1.0.0)
    package95540 (1.0.0)
    package95541 (1.0.0)
    package95542 (1.0.0)
    package95543 (1.0.0)
    package95544 (1.0.0)
    package95545 (1.0.0)
    package95546 (1.0.0)
    package95547 (1.0.0)
    package95548 (1.0.0)
    package95549 (1.0.0)
    package95550 (1.0.0)
    package95551 (1.0.0)
    package95552 (1.0.0)
    package95553 (1.0.0)
    package95554 (1.0.0)
    package95555 (1.0.0)
    package95556 (1.0.0)
    package95557 (1.0.0)
    package95558 (1.0.0)
    package95559 (1.0.0)
    package95560 (1.0.0)
    package95561 (1.0.0)
    package95562 (1.0.0)
    package95563 (1.0.0)
    package95564 (1.0.0)
    package95565 (1.0.0)
    package95566 (1.0.0)
    package95567 (1.0.0)
    package95568 (1.0.0)
    package95569 (1.0.0)
    package95570 (1.0.0)
    package95571 (1.0.0)
    package95572 (1.0.0)
    package95573 (1.0.0)
    package95574 (1.0.0)
    package95575 (1.0.0)
    package95576 (1.0.0)
    package95577 (1.0.0)
    package95578 (1.0.0)
    package95579 (1.0.0)
    package95580 (1.0.0)
    package95581 (1.0.0)
    package95582 (1.0.0)
    package95583 (1.0.0)
    package95584 (1.0.0)
    package95585 (1.0.0)
    package95586 (1.0.0)
    package95587 (1.0.0)
    package95588 (1.0.0)
    package95589 (1.0.0)
    package95590 (1.0.0)
    package95591 (1.0.0)
    package95592 (1.0.0)
    package95593 (1.0.0)
    package95594 (1.0.0)
    package95595 (1.0.0)
    package95596 (1.0.0)
    package95597 (1.0.0)
    package95598 (1.0.0)
    package95599 (1.0.0)
    package95600 (1.0.0)
    package95601 (1.0.0)
    package95602 (1.0.0)
    package95603 (1.0.0)
    package95604 (1.0.0)
    package95605 (1.0.0)
    package95606 (1.0.0)
    package95607 (1.0.0)
    package95608 (1.0.0)
    package95609 (1.0.0)
    package95610 (1.0.0)
    package95611 (1.0.0)
    package95612 (1.0.0)
    package95613 (1.0.0)
    package95614 (1.0.0)
    package95615 (1.0.0)
    package95616 (1.0.0)
    package95617 (1.0.0)
    package95618 (1.0.0)
    package95619 (1.0.0)
    package95620 (1.0.0)
    package95621 (1.0.0)
    package95622 (1.0.0)
    package95623 (1.0.0)
    package95624 (1.0.0)
    package95625 (1.0.0)
    package95626 (1.0.0)
    package95627 (1.0.0)
    package95628 (1.0.0)
    package95629 (1.0.0)
    package95630 (1.0.0)
    package95631 (1.0.0)
    package95632 (1.0.0)
    package95633 (1.0.0)
    package95634 (1.0.0)
    package95635 (1.0.0)
    package95636 (1.0.0)
    package95637 (1.0.0)
    package95638 (1.0.0)
    package95639 (1.0.0)
    package95640 (1.0.0)
    package95641 (1.0.0)
    package95642 (1.0.0)
    package95643 (1.0.0)
    package95644 (1.0.0)
    package95645 (1.0.0)
    package95646 (1.0.0)
    package95647 (1.0.0)
    package95648 (1.0.0)
    package95649 (1.0.0)
    package95650 (1.0.0)
    package95651 (1.0.0)
    package95652 (1.0.0)
    package95653 (1.0.0)
    package95654 (1.0.0)
    package95655 (1.0.0)
    package95656 (1.0.0)
    package95657 (1.0.0)
    package95658 (1.0.0)
    package95659 (1.0.0)
    package95660 (1.0.0)
    package95661 (1.0.0)
    package95662 (1.0.0)
    package95663 (1.0.0)
    package95664 (1.0.0)
    package95665 (1.0.0)
    package95666 (1.0.0)
    package95667 (1.0.0)
    package95668 (1.0.0)
    package95669 (1.0.0)
    package95670 (1.0.0)
    package95671 (1.0.0)
    package95672 (1.0.0)
    package95673 (1.0.0)
    package95674 (1.0.0)
    package95675 (1.0.0)
    package95676 (1.0.0)
    package95677 (1.0.0)
    package95678 (1.0.0)
    package95679 (1.0.0)
    package95680 (1.0.0)
    package95681 (1.0.0)
    package95682 (1.0.0)
    package95683 (1.0.0)
    package95684 (1.0.0)
    package95685 (1.0.0)
    package95686 (1.0.0)
    package95687 (1.0.0)
    package95688 (1.0.0)
    package95689 (1.0.0)
    package95690 (1.0.0)
    package95691 (1.0.0)
    package95692 (1.0.0)
    package95693 (1.0.0)
    package95694 (1.0.0)
    package95695 (1.0.0)
    package95696 (1.0.0)
    package95697 (1.0.0)
    package95698 (1.0.0)
    package95699 (1.0.0)
    package95700 (1.0.0)
    package95701 (1.0.0)
    package95702 (1.0.0)
    package95703 (1.0.0)
    package95704 (1.0.0)
    package95705 (1.0.0)
    package95706 (1.0.0)
    package95707 (1.0.0)
    package95708 (1.0.0)
    package95709 (1.0.0)
    package95710 (1.0.0)
    package95711 (1.0.0)
    package95712 (1.0.0)
    package95713 (1.0.0)
    package95714 (1.0.0)
    package95715 (1.0.0)
    package95716 (1.0.0)
    package95717 (1.0.0)
    package95718 (1.0.0)
    package95719 (1.0.0)
    package95720 (1.0.0)
    package95721 (1.0.0)
    package95722 (1.0.0)
    package95723 (1.0.0)
    package95724 (1.0.0)
    package95725 (1.0.0)
    package95726 (1.0.0)
    package95727 (1.0.0)
    package95728 (1.0.0)
    package95729 (1.0.0)
    package95730 (1.0.0)
    package95731 (1.0.0)
    package95732 (1.0.0)
    package95733 (1.0.0)
    package95734 (1.0.0)
    package95735 (1.0.0)
    package95736 (1.0.0)
    package95737 (1.0.0)
    package95738 (1.0.0)
    package95739 (1.0.0)
    package95740 (1.0.0)
    package95741 (1.0.0)
    package95742 (1.0.0)
    package95743 (1.0.0)
    package95744 (1.0.0)
    package95745 (1.0.0)
    package95746 (1.0.0)
    package95747 (1.0.0)
    package95748 (1.0.0)
    package95749 (1.0.0)
    package95750 (1.0.0)
    package95751 (1.0.0)
    package95752 (1.0.0)
    package95753 (1.0.0)
    package95754 (1.0.0)
    package95755 (1.0.0)
    package95756 (1.0.0)
    package95757 (1.0.0)
    package95758 (1.0.0)
    package95759 (1.0.0)
    package95760 (1.0.0)
    package95761 (1.0.0)
    package95762 (1.0.0)
    package95763 (1.0.0)
    package95764 (1.0.0)
    package95765 (1.0.0)
    package95766 (1.0.0)
    package95767 (1.0.0)
    package95768 (1.0.0)
    package95769 (1.0.0)
    package95770 (1.0.0)
    package95771 (1.0.0)
    package95772 (1.0.0)
    package95773 (1.0.0)
    package95774 (1.0.0)
    package95775 (1.0.0)
    package95776 (1.0.0)
    package95777 (1.0.0)
    package95778 (1.0.0)
    package95779 (1.0.0)
    package95780 (1.0.0)
    package95781 (1.0.0)
    package95782 (1.0.0)
    package95783 (1.0.0)
    package95784 (1.0.0)
    package95785 (1.0.0)
    package95786 (1.0.0)
    package95787 (1.0.0)
    package95788 (1.0.0)
    package95789 (1.0.0)
    package95790 (1.0.0)
    package95791 (1.0.0)
    package95792 (1.0.0)
    package95793 (1.0.0)
    package95794 (1.0.0)
    package95795 (1.0.0)
    package95796 (1.0.0)
    package95797 (1.0.0)
    package95798 (1.0.0)
    package95799 (1.0.0)
    package95800 (1.0.0)
    package95801 (1.0.0)
    package95802 (1.0.0)
    package95803 (1.0.0)
    package95804 (1.0.0)
    package95805 (1.0.0)
    package95806 (1.0.0)
    package95807 (1.0.0)
    package95808 (1.0.0)
    package95809 (1.0.0)
    package95810 (1.0.0)
    package95811 (1.0.0)
    package95812 (1.0.0)
    package95813 (1.0.0)
    package95814 (1.0.0)
    package95815 (1.0.0)
    package95816 (1.0.0)
    package95817 (1.0.0)
    package95818 (1.0.0)
    package95819 (1.0.0)
    package95820 (1.0.0)
    package95821 (1.0.0)
    package95822 (1.0.0)
    package95823 (1.0.0)
    package95824 (1.0.0)
    package95825 (1.0.0)
    package95826 (1.0.0)
    package95827 (1.0.0)
    package95828 (1.0.0)
    package95829 (1.0.0)
    package95830 (1.0.0)
    package95831 (1.0.0)
    package95832 (1.0.0)
    package95833 (1.0.0)
    package95834 (1.0.0)
    package95835 (1.0.0)
    package95836 (1.0.0)
    package95837 (1.0.0)
    package95838 (1.0.0)
    package95839 (1.0.0)
    package95840 (1.0.0)
    package95841 (1.0.0)
    package95842 (1.0.0)
    package95843 (1.0.0)
    package95844 (1.0.0)
    package95845 (1.0.0)
    package95846 (1.0.0)
    package95847 (1.0.0)
    package95848 (1.0.0)
    package95849 (1.0.0)
    package95850 (1.0.0)
    package95851 (1.0.0)
    package95852 (1.0.0)
    package95853 (1.0.0)
    package95854 (1.0.0)
    package95855 (1.0.0)
    package95856 (1.0.0)
    package95857 (1.0.0)
    package95858 (1.0.0)
    package95859 (1.0.0)
    package95860 (1.0.0)
    package95861 (1.0.0)
    package95862 (1.0.0)
    package95863 (1.0.0)
    package95864 (1.0.0)
    package95865 (1.0.0)
    package95866 (1.0.0)
    package95867 (1.0.0)
    package95868 (1.0.0)
    package95869 (1.0.0)
    package95870 (1.0.0)
    package95871 (1.0.0)
    package95872 (1.0.0)
    package95873 (1.0.0)
    package95874 (1.0.0)
    package95875 (1.0.0)
    package95876 (1.0.0)
    package95877 (1.0.0)
    package95878 (1.0.0)
    package95879 (1.0.0)
    package95880 (1.0.0)
    package95881 (1.0.0)
    package95882 (1.0.0)
    package95883 (1.0.0)
    package95884 (1.0.0)
    package95885 (1.0.0)
    package95886 (1.0.0)
    package95887 (1.0.0)
    package95888 (1.0.0)
    package95889 (1.0.0)
    package95890 (1.0.0)
    package95891 (1.0.0)
    package95892 (1.0.0)
    package95893 (1.0.0)
    package95894 (1.0.0)
    package95895 (1.0.0)
    package95896 (1.0.0)
    package95897 (1.0.0)
    package95898 (1.0.0)
    package95899 (1.0.0)
    package95900 (1.0.0)
    package95901 (1.0.0)
    package95902 (1.0.0)
    package95903 (1.0.0)
    package95904 (1.0.0)
    package95905 (1.0.0)
    package95906 (1.0.0)
    package95907 (1.0.0)
    package95908 (1.0.0)
    package95909 (1.0.0)
    package95910 (1.0.0)
    package95911 (1.0.0)
    package95912 (1.0.0)
    package95913 (1.0.0)
    package95914 (1.0.0)
    package95915 (1.0.0)
    package95916 (1.0.0)
    package95917 (1.0.0)
    package95918 (1.0.0)
    package95919 (1.0.0)
    package95920 (1.0.0)
    package95921 (1.0.0)
    package95922 (1.0.0)
    package95923 (1.0.0)
    package95924 (1.0.0)
    package95925 (1.0.0)
    package95926 (1.0.0)
    package95927 (1.0.0)
    package95928 (1.0.0)
    package95929 (1.0.0)
    package95930 (1.0.0)
    package95931 (1.0.0)
    package95932 (1.0.0)
    package95933 (1.0.0)
    package95934 (1.0.0)
    package95935 (1.0.0)
    package95936 (1.0.0)
    package95937 (1.0.0)
    package95938 (1.0.0)
    package95939 (1.0.0)
    package95940 (1.0.0)
    package95941 (1.0.0)
    package95942 (1.0.0)
    package95943 (1.0.0)
    package95944 (1.0.0)
    package95945 (1.0.0)
    package95946 (1.0.0)
    package95947 (1.0.0)
    package95948 (1.0.0)
    package95949 (1.0.0)
    package95950 (1.0.0)
    package95951 (1.0.0)
    package95952 (1.0.0)
    package95953 (1.0.0)
    package95954 (1.0.0)
    package95955 (1.0.0)
    package95956 (1.0.0)
    package95957 (1.0.0)
    package95958 (1.0.0)
    package95959 (1.0.0)
    package95960 (1.0.0)
    package95961 (1.0.0)
    package95962 (1.0.0)
    package95963 (1.0.0)
    package95964 (1.0.0)
    package95965 (1.0.0)
    package95966 (1.0.0)
    package95967 (1.0.0)
    package95968 (1.0.0)
    package95969 (1.0.0)
    package95970 (1.0.0)
    package95971 (1.0.0)
    package95972 (1.0.0)
    package95973 (1.0.0)
    package95974 (1.0.0)
    package95975 (1.0.0)
    package95976 (1.0.0)
    package95977 (1.0.0)
    package95978 (1.0.0)
    package95979 (1.0.0)
    package95980 (1.0.0)
    package95981 (1.0.0)
    package95982 (1.0.0)
    package95983 (1.0.0)
    package95984 (1.0.0)
    package95985 (1.0.0)
    package95986 (1.0.0)
    package95987 (1.0.0)
    package95988 (1.0.0)
    package95989 (1.0.0)
    package95990 (1.0.0)
    package95991 (1.0.0)
    package95992 (1.0.0)
    package95993 (1.0.0)
    package95994 (1.0.0)
    package95995 (1.0.0)
    package95996 (1.0.0)
    package95997 (1.0.0)
    package95998 (1.0.0)
    package95999 (1.0.0)
    package96000 (1.0.0)
    package96001 (1.0.0)
    package96002 (1.0.0)
    package96003 (1.0.0)
    package96004 (1.0.0)
    package96005 (1.0.0)
    package96006 (1.0.0)
    package96007 (1.0.0)
    package96008 (1.0.0)
    package96009 (1.0.0)
    package96010 (1.0.0)
    package96011 (1.0.0)
    package96012 (1.0.0)
    package96013 (1.0.0)
    package96014 (1.0.0)
    package96015 (1.0.0)
    package96016 (1.0.0)
    package96017 (1.0.0)
    package96018 (1.0.0)
    package96019 (1.0.0)
    package96020 (1.0.0)
    package96021 (1.0.0)
    package96022 (1.0.0)
    package96023 (1.0.0)
    package96024 (1.0.0)
    package96025 (1.0.0)
    package96026 (1.0.0)
    package96027 (1.0.0)
    package96028 (1.0.0)
    package96029 (1.0.0)
    package96030 (1.0.0)
    package96031 (1.0.0)
    package96032 (1.0.0)
    package96033 (1.0.0)
    package96034 (1.0.0)
    package96035 (1.0.0)
    package96036 (1.0.0)
    package96037 (1.0.0)
    package96038 (1.0.0)
    package96039 (1.0.0)
    package96040 (1.0.0)
    package96041 (1.0.0)
    package96042 (1.0.0)
    package96043 (1.0.0)
    package96044 (1.0.0)
    package96045 (1.0.0)
    package96046 (1.0.0)
    package96047 (1.0.0)
    package96048 (1.0.0)
    package96049 (1.0.0)
    package96050 (1.0.0)
    package96051 (1.0.0)
    package96052 (1.0.0)
    package96053 (1.0.0)
    package96054 (1.0.0)
    package96055 (1.0.0)
    package96056 (1.0.0)
    package96057 (1.0.0)
    package96058 (1.0.0)
    package96059 (1.0.0)
    package96060 (1.0.0)
    package96061 (1.0.0)
    package96062 (1.0.0)
    package96063 (1.0.0)
    package96064 (1.0.0)
    package96065 (1.0.0)
    package96066 (1.0.0)
    package96067 (1.0.0)
    package96068 (1.0.0)
    package96069 (1.0.0)
    package96070 (1.0.0)
    package96071 (1.0.0)
    package96072 (1.0.0)
    package96073 (1.0.0)
    package96074 (1.0.0)
    package96075 (1.0.0)
    package96076 (1.0.0)
    package96077 (1.0.0)
    package96078 (1.0.0)
    package96079 (1.0.0)
    package96080 (1.0.0)
    package96081 (1.0.0)
    package96082 (1.0.0)
    package96083 (1.0.0)
    package96084 (1.0.0)
    package96085 (1.0.0)
    package96086 (1.0.0)
    package96087 (1.0.0)
    package96088 (1.0.0)
    package96089 (1.0.0)
    package96090 (1.0.0)
    package96091 (1.0.0)
    package96092 (1.0.0)
    package96093 (1.0.0)
    package96094 (1.0.0)
    package96095 (1.0.0)
    package96096 (1.0.0)
    package96097 (1.0.0)
    package96098 (1.0.0)
    package96099 (1.0.0)
    package96100 (1.0.0)
    package96101 (1.0.0)
    package96102 (1.0.0)
    package96103 (1.0.0)
    package96104 (1.0.0)
    package96105 (1.0.0)
    package96106 (1.0.0)
    package96107 (1.0.0)
    package96108 (1.0.0)
    package96109 (1.0.0)
    package96110 (1.0.0)
    package96111 (1.0.0)
    package96112 (1.0.0)
    package96113 (1.0.0)
    package96114 (1.0.0)
    package96115 (1.0.0)
    package96116 (1.0.0)
    package96117 (1.0.0)
    package96118 (1.0.0)
    package96119 (1.0.0)
    package96120 (1.0.0)
    package96121 (1.0.0)
    package96122 (1.0.0)
    package96123 (1.0.0)
    package96124 (1.0.0)
    package96125 (1.0.0)
    package96126 (1.0.0)
    package96127 (1.0.0)
    package96128 (1.0.0)
    package96129 (1.0.0)
    package96130 (1.0.0)
    package96131 (1.0.0)
    package96132 (1.0.0)
    package96133 (1.0.0)
    package96134 (1.0.0)
    package96135 (1.0.0)
    package96136 (1.0.0)
    package96137 (1.0.0)
    package96138 (1.0.0)
    package96139 (1.0.0)
    package96140 (1.0.0)
    package96141 (1.0.0)
    package96142 (1.0.0)
    package96143 (1.0.0)
    package96144 (1.0.0)
    package96145 (1.0.0)
    package96146 (1.0.0)
    package96147 (1.0.0)
    package96148 (1.0.0)
    package96149 (1.0.0)
    package96150 (1.0.0)
    package96151 (1.0.0)
    package96152 (1.0.0)
    package96153 (1.0.0)
    package96154 (1.0.0)
    package96155 (1.0.0)
    package96156 (1.0.0)
    package96157 (1.0.0)
    package96158 (1.0.0)
    package96159 (1.0.0)
    package96160 (1.0.0)
    package96161 (1.0.0)
    package96162 (1.0.0)
    package96163 (1.0.0)
    package96164 (1.0.0)
    package96165 (1.0.0)
    package96166 (1.0.0)
    package96167 (1.0.0)
    package96168 (1.0.0)
    package96169 (1.0.0)
    package96170 (1.0.0)
    package96171 (1.0.0)
    package96172 (1.0.0)
    package96173 (1.0.0)
    package96174 (1.0.0)
    package96175 (1.0.0)
    package96176 (1.0.0)
    package96177 (1.0.0)
    package96178 (1.0.0)
    package96179 (1.0.0)
    package96180 (1.0.0)
    package96181 (1.0.0)
    package96182 (1.0.0)
    package96183 (1.0.0)
    package96184 (1.0.0)
    package96185 (1.0.0)
    package96186 (1.0.0)
    package96187 (1.0.0)
    package96188 (1.0.0)
    package96189 (1.0.0)
    package96190 (1.0.0)
    package96191 (1.0.0)
    package96192 (1.0.0)
    package96193 (1.0.0)
    package96194 (1.0.0)
    package96195 (1.0.0)
    package96196 (1.0.0)
    package96197 (1.0.0)
    package96198 (1.0.0)
    package96199 (1.0.0)
    package96200 (1.0.0)
    package96201 (1.0.0)
    package96202 (1.0.0)
    package96203 (1.0.0)
    package96204 (1.0.0)
    package96205 (1.0.0)
    package96206 (1.0.0)
    package96207 (1.0.0)
    package96208 (1.0.0)
    package96209 (1.0.0)
    package96210 (1.0.0)
    package96211 (1.0.0)
    package96212 (1.0.0)
    package96213 (1.0.0)
    package96214 (1.0.0)
    package96215 (1.0.0)
    package96216 (1.0.0)
    package96217 (1.0.0)
    package96218 (1.0.0)
    package96219 (1.0.0)
    package96220 (1.0.0)
    package96221 (1.0.0)
    package96222 (1.0.0)
    package96223 (1.0.0)
    package96224 (1.0.0)
    package96225 (1.0.0)
    package96226 (1.0.0)
    package96227 (1.0.0)
    package96228 (1.0.0)
    package96229 (1.0.0)
    package96230 (1.0.0)
    package96231 (1.0.0)
    package96232 (1.0.0)
    package96233 (1.0.0)
    package96234 (1.0.0)
    package96235 (1.0.0)
    package96236 (1.0.0)
    package96237 (1.0.0)
    package96238 (1.0.0)
    package96239 (1.0.0)
    package96240 (1.0.0)
    package96241 (1.0.0)
    package96242 (1.0.0)
    package96243 (1.0.0)
    package96244 (1.0.0)
    package96245 (1.0.0)
    package96246 (1.0.0)
    package96247 (1.0.0)
    package96248 (1.0.0)
    package96249 (1.0.0)
    package96250 (1.0.0)
    package96251 (1.0.0)
    package96252 (1.0.0)
    package96253 (1.0.0)
    package96254 (1.0.0)
    package96255 (1.0.0)
    package96256 (1.0.0)
    package96257 (1.0.0)
    package96258 (1.0.0)
    package96259 (1.0.0)
    package96260 (1.0.0)
    package96261 (1.0.0)
    package96262 (1.0.0)
    package96263 (1.0.0)
    package96264 (1.0.0)
    package96265 (1.0.0)
    package96266 (1.0.0)
    package96267 (1.0.0)
    package96268 (1.0.0)
    package96269 (1.0.0)
    package96270 (1.0.0)
    package96271 (1.0.0)
    package96272 (1.0.0)
    package96273 (1.0.0)
    package96274 (1.0.0)
    package96275 (1.0.0)
    package96276 (1.0.0)
    package96277 (1.0.0)
    package96278 (1.0.0)
    package96279 (1.0.0)
    package96280 (1.0.0)
    package96281 (1.0.0)
    package96282 (1.0.0)
    package96283 (1.0.0)
    package96284 (1.0.0)
    package96285 (1.0.0)
    package96286 (1.0.0)
    package96287 (1.0.0)
    package96288 (1.0.0)
    package96289 (1.0.0)
    package96290 (1.0.0)
    package96291 (1.0.0)
    package96292 (1.0.0)
    package96293 (1.0.0)
    package96294 (1.0.0)
    package96295 (1.0.0)
    package96296 (1.0.0)
    package96297 (1.0.0)
    package96298 (1.0.0)
    package96299 (1.0.0)
    package96300 (1.0.0)
    package96301 (1.0.0)
    package96302 (1.0.0)
    package96303 (1.0.0)
    package96304 (1.0.0)
    package96305 (1.0.0)
    package96306 (1.0.0)
    package96307 (1.0.0)
    package96308 (1.0.0)
    package96309 (1.0.0)
    package96310 (1.0.0)
    package96311 (1.0.0)
    package96312 (1.0.0)
    package96313 (1.0.0)
    package96314 (1.0.0)
    package96315 (1.0.0)
    package96316 (1.0.0)
    package96317 (1.0.0)
    package96318 (1.0.0)
    package96319 (1.0.0)
    package96320 (1.0.0)
    package96321 (1.0.0)
    package96322 (1.0.0)
    package96323 (1.0.0)
    package96324 (1.0.0)
    package96325 (1.0.0)
    package96326 (1.0.0)
    package96327 (1.0.0)
    package96328 (1.0.0)
    package96329 (1.0.0)
    package96330 (1.0.0)
    package96331 (1.0.0)
    package96332 (1.0.0)
    package96333 (1.0.0)
    package96334 (1.0.0)
    package96335 (1.0.0)
    package96336 (1.0.0)
    package96337 (1.0.0)
    package96338 (1.0.0)
    package96339 (1.0.0)
    package96340 (1.0.0)
    package96341 (1.0.0)
    package96342 (1.0.0)
    package96343 (1.0.0)
    package96344 (1.0.0)
    package96345 (1.0.0)
    package96346 (1.0.0)
    package96347 (1.0.0)
    package96348 (1.0.0)
    package96349 (1.0.0)
    package96350 (1.0.0)
    package96351 (1.0.0)
    package96352 (1.0.0)
    package96353 (1.0.0)
    package96354 (1.0.0)
    package96355 (1.0.0)
    package96356 (1.0.0)
    package96357 (1.0.0)
    package96358 (1.0.0)
    package96359 (1.0.0)
    package96360 (1.0.0)
    package96361 (1.0.0)
    package96362 (1.0.0)
    package96363 (1.0.0)
    package96364 (1.0.0)
    package96365 (1.0.0)
    package96366 (1.0.0)
    package96367 (1.0.0)
    package96368 (1.0.0)
    package96369 (1.0.0)
    package96370 (1.0.0)
    package96371 (1.0.0)
    package96372 (1.0.0)
    package96373 (1.0.0)
    package96374 (1.0.0)
    package96375 (1.0.0)
    package96376 (1.0.0)
    package96377 (1.0.0)
    package96378 (1.0.0)
    package96379 (1.0.0)
    package96380 (1.0.0)
    package96381 (1.0.0)
    package96382 (1.0.0)
    package96383 (1.0.0)
    package96384 (1.0.0)
    package96385 (1.0.0)
    package96386 (1.0.0)
    package96387 (1.0.0)
    package96388 (1.0.0)
    package96389 (1.0.0)
    package96390 (1.0.0)
    package96391 (1.0.0)
    package96392 (1.0.0)
    package96393 (1.0.0)
    package96394 (1.0.0)
    package96395 (1.0.0)
    package96396 (1.0.0)
    package96397 (1.0.0)
    package96398 (1.0.0)
    package96399 (1.0.0)
    package96400 (1.0.0)
    package96401 (1.0.0)
    package96402 (1.0.0)
    package96403 (1.0.0)
    package96404 (1.0.0)
    package96405 (1.0.0)
    package96406 (1.0.0)
    package96407 (1.0.0)
    package96408 (1.0.0)
    package96409 (1.0.0)
    package96410 (1.0.0)
    package96411 (1.0.0)
    package96412 (1.0.0)
    package96413 (1.0.0)
    package96414 (1.0.0)
    package96415 (1.0.0)
    package96416 (1.0.0)
    package96417 (1.0.0)
    package96418 (1.0.0)
    package96419 (1.0.0)
    package96420 (1.0.0)
    package96421 (1.0.0)
    package96422 (1.0.0)
    package96423 (1.0.0)
    package96424 (1.0.0)
    package96425 (1.0.0)
    package96426 (1.0.0)
    package96427 (1.0.0)
    package96428 (1.0.0)
    package96429 (1.0.0)
    package96430 (1.0.0)
    package96431 (1.0.0)
    package96432 (1.0.0)
    package96433 (1.0.0)
    package96434 (1.0.0)
    package96435 (1.0.0)
    package96436 (1.0.0)
    package96437 (1.0.0)
    package96438 (1.0.0)
    package96439 (1.0.0)
    package96440 (1.0.0)
    package96441 (1.0.0)
    package96442 (1.0.0)
    package96443 (1.0.0)
    package96444 (1.0.0)
    package96445 (1.0.0)
    package96446 (1.0.0)
    package96447 (1.0.0)
    package96448 (1.0.0)
    package96449 (1.0.0)
    package96450 (1.0.0)
    package96451 (1.0.0)
    package96452 (1.0.0)
    package96453 (1.0.0)
    package96454 (1.0.0)
    package96455 (1.0.0)
    package96456 (1.0.0)
    package96457 (1.0.0)
    package96458 (1.0.0)
    package96459 (1.0.0)
    package96460 (1.0.0)
    package96461 (1.0.0)
    package96462 (1.0.0)
    package96463 (1.0.0)
    package96464 (1.0.0)
    package96465 (1.0.0)
    package96466 (1.0.0)
    package96467 (1.0.0)
    package96468 (1.0.0)
    package96469 (1.0.0)
    package96470 (1.0.0)
    package96471 (1.0.0)
    package96472 (1.0.0)
    package96473 (1.0.0)
    package96474 (1.0.0)
    package96475 (1.0.0)
    package96476 (1.0.0)
    package96477 (1.0.0)
    package96478 (1.0.0)
    package96479 (1.0.0)
    package96480 (1.0.0)
    package96481 (1.0.0)
    package96482 (1.0.0)
    package96483 (1.0.0)
    package96484 (1.0.0)
    package96485 (1.0.0)
    package96486 (1.0.0)
    package96487 (1.0.0)
    package96488 (1.0.0)
    package96489 (1.0.0)
    package96490 (1.0.0)
    package96491 (1.0.0)
    package96492 (1.0.0)
    package96493 (1.0.0)
    package96494 (1.0.0)
    package96495 (1.0.0)
    package96496 (1.0.0)
    package96497 (1.0.0)
    package96498 (1.0.0)
    package96499 (1.0.0)
    package96500 (1.0.0)
    package96501 (1.0.0)
    package96502 (1.0.0)
    package96503 (1.0.0)
    package96504 (1.0.0)
    package96505 (1.0.0)
    package96506 (1.0.0)
    package96507 (1.0.0)
    package96508 (1.0.0)
    package96509 (1.0.0)
    package96510 (1.0.0)
    package96511 (1.0.0)
    package96512 (1.0.0)
    package96513 (1.0.0)
    package96514 (1.0.0)
    package96515 (1.0.0)
    package96516 (1.0.0)
    package96517 (1.0.0)
    package96518 (1.0.0)
    package96519 (1.0.0)
    package96520 (1.0.0)
    package96521 (1.0.0)
    package96522 (1.0.0)
    package96523 (1.0.0)
    package96524 (1.0.0)
    package96525 (1.0.0)
    package96526 (1.0.0)
    package96527 (1.0.0)
    package96528 (1.0.0)
    package96529 (1.0.0)
    package96530 (1.0.0)
    package96531 (1.0.0)
    package96532 (1.0.0)
    package96533 (1.0.0)
    package96534 (1.0.0)
    package96535 (1.0.0)
    package96536 (1.0.0)
    package96537 (1.0.0)
    package96538 (1.0.0)
    package96539 (1.0.0)
    package96540 (1.0.0)
    package96541 (1.0.0)
    package96542 (1.0.0)
    package96543 (1.0.0)
    package96544 (1.0.0)
    package96545 (1.0.0)
    package96546 (1.0.0)
    package96547 (1.0.0)
    package96548 (1.0.0)
    package96549 (1.0.0)
    package96550 (1.0.0)
    package96551 (1.0.0)
    package96552 (1.0.0)
    package96553 (1.0.0)
    package96554 (1.0.0)
    package96555 (1.0.0)
    package96556 (1.0.0)
    package96557 (1.0.0)
    package96558 (1.0.0)
    package96559 (1.0.0)
    package96560 (1.0.0)
    package96561 (1.0.0)
    package96562 (1.0.0)
    package96563 (1.0.0)
    package96564 (1.0.0)
    package96565 (1.0.0)
    package96566 (1.0.0)
    package96567 (1.0.0)
    package96568 (1.0.0)
    package96569 (1.0.0)
    package96570 (1.0.0)
    package96571 (1.0.0)
    package96572 (1.0.0)
    package96573 (1.0.0)
    package96574 (1.0.0)
    package96575 (1.0.0)
    package96576 (1.0.0)
    package96577 (1.0.0)
    package96578 (1.0.0)
    package96579 (1.0.0)
    package96580 (1.0.0)
    package96581 (1.0.0)
    package96582 (1.0.0)
    package96583 (1.0.0)
    package96584 (1.0.0)
    package96585 (1.0.0)
    package96586 (1.0.0)
    package96587 (1.0.0)
    package96588 (1.0.0)
    package96589 (1.0.0)
    package96590 (1.0.0)
    package96591 (1.0.0)
    package96592 (1.0.0)
    package96593 (1.0.0)
    package96594 (1.0.0)
    package96595 (1.0.0)
    package96596 (1.0.0)
    package96597 (1.0.0)
    package96598 (1.0.0)
    package96599 (1.0.0)
    package96600 (1.0.0)
    package96601 (1.0.0)
    package96602 (1.0.0)
    package96603 (1.0.0)
    package96604 (1.0.0)
    package96605 (1.0.0)
    package96606 (1.0.0)
    package96607 (1.0.0)
    package96608 (1.0.0)
    package96609 (1.0.0)
    package96610 (1.0.0)
    package96611 (1.0.0)
    package96612 (1.0.0)
    package96613 (1.0.0)
    package96614 (1.0.0)
    package96615 (1.0.0)
    package96616 (1.0.0)
    package96617 (1.0.0)
    package96618 (1.0.0)
    package96619 (1.0.0)
    package96620 (1.0.0)
    package96621 (1.0.0)
    package96622 (1.0.0)
    package96623 (1.0.0)
    package96624 (1.0.0)
    package96625 (1.0.0)
    package96626 (1.0.0)
    package96627 (1.0.0)
    package96628 (1.0.0)
    package96629 (1.0.0)
    package96630 (1.0.0)
    package96631 (1.0.0)
    package96632 (1.0.0)
    package96633 (1.0.0)
    package96634 (1.0.0)
    package96635 (1.0.0)
    package96636 (1.0.0)
    package96637 (1.0.0)
    package96638 (1.0.0)
    package96639 (1.0.0)
    package96640 (1.0.0)
    package96641 (1.0.0)
    package96642 (1.0.0)
    package96643 (1.0.0)
    package96644 (1.0.0)
    package96645 (1.0.0)
    package96646 (1.0.0)
    package96647 (1.0.0)
    package96648 (1.0.0)
    package96649 (1.0.0)
    package96650 (1.0.0)
    package96651 (1.0.0)
    package96652 (1.0.0)
    package96653 (1.0.0)
    package96654 (1.0.0)
    package96655 (1.0.0)
    package96656 (1.0.0)
    package96657 (1.0.0)
    package96658 (1.0.0)
    package96659 (1.0.0)
    package96660 (1.0.0)
    package96661 (1.0.0)
    package96662 (1.0.0)
    package96663 (1.0.0)
    package96664 (1.0.0)
    package96665 (1.0.0)
    package96666 (1.0.0)
    package96667 (1.0.0)
    package96668 (1.0.0)
    package96669 (1.0.0)
    package96670 (1.0.0)
    package96671 (1.0.0)
    package96672 (1.0.0)
    package96673 (1.0.0)
    package96674 (1.0.0)
    package96675 (1.0.0)
    package96676 (1.0.0)
    package96677 (1.0.0)
    package96678 (1.0.0)
    package96679 (1.0.0)
    package96680 (1.0.0)
    package96681 (1.0.0)
    package96682 (1.0.0)
    package96683 (1.0.0)
    package96684 (1.0.0)
    package96685 (1.0.0)
    package96686 (1.0.0)
    package96687 (1.0.0)
    package96688 (1.0.0)
    package96689 (1.0.0)
    package96690 (1.0.0)
    package96691 (1.0.0)
    package96692 (1.0.0)
    package96693 (1.0.0)
    package96694 (1.0.0)
    package96695 (1.0.0)
    package96696 (1.0.0)
    package96697 (1.0.0)
    package96698 (1.0.0)
    package96699 (1.0.0)
    package96700 (1.0.0)
    package96701 (1.0.0)
    package96702 (1.0.0)
    package96703 (1.0.0)
    package96704 (1.0.0)
    package96705 (1.0.0)
    package96706 (1.0.0)
    package96707 (1.0.0)
    package96708 (1.0.0)
    package96709 (1.0.0)
    package96710 (1.0.0)
    package96711 (1.0.0)
    package96712 (1.0.0)
    package96713 (1.0.0)
    package96714 (1.0.0)
    package96715 (1.0.0)
    package96716 (1.0.0)
    package96717 (1.0.0)
    package96718 (1.0.0)
    package96719 (1.0.0)
    package96720 (1.0.0)
    package96721 (1.0.0)
    package96722 (1.0.0)
    package96723 (1.0.0)
    package96724 (1.0.0)
    package96725 (1.0.0)
    package96726 (1.0.0)
    package96727 (1.0.0)
    package96728 (1.0.0)
    package96729 (1.0.0)
    package96730 (1.0.0)
    package96731 (1.0.0)
    package96732 (1.0.0)
    package96733 (1.0.0)
    package96734 (1.0.0)
    package96735 (1.0.0)
    package96736 (1.0.0)
    package96737 (1.0.0)
    package96738 (1.0.0)
    package96739 (1.0.0)
    package96740 (1.0.0)
    package96741 (1.0.0)
    package96742 (1.0.0)
    package96743 (1.0.0)
    package96744 (1.0.0)
    package96745 (1.0.0)
    package96746 (1.0.0)
    package96747 (1.0.0)
    package96748 (1.0.0)
    package96749 (1.0.0)
    package96750 (1.0.0)
    package96751 (1.0.0)
    package96752 (1.0.0)
    package96753 (1.0.0)
    package96754 (1.0.0)
    package96755 (1.0.0)
    package96756 (1.0.0)
    package96757 (1.0.0)
    package96758 (1.0.0)
    package96759 (1.0.0)
    package96760 (1.0.0)
    package96761 (1.0.0)
    package96762 (1.0.0)
    package96763 (1.0.0)
    package96764 (1.0.0)
    package96765 (1.0.0)
    package96766 (1.0.0)
    package96767 (1.0.0)
    package96768 (1.0.0)
    package96769 (1.0.0)
    package96770 (1.0.0)
    package96771 (1.0.0)
    package96772 (1.0.0)
    package96773 (1.0.0)
    package96774 (1.0.0)
    package96775 (1.0.0)
    package96776 (1.0.0)
    package96777 (1.0.0)
    package96778 (1.0.0)
    package96779 (1.0.0)
    package96780 (1.0.0)
    package96781 (1.0.0)
    package96782 (1.0.0)
    package96783 (1.0.0)
    package96784 (1.0.0)
    package96785 (1.0.0)
    package96786 (1.0.0)
    package96787 (1.0.0)
    package96788 (1.0.0)
    package96789 (1.0.0)
    package96790 (1.0.0)
    package96791 (1.0.0)
    package96792 (1.0.0)
    package96793 (1.0.0)
    package96794 (1.0.0)
    package96795 (1.0.0)
    package96796 (1.0.0)
    package96797 (1.0.0)
    package96798 (1.0.0)
    package96799 (1.0.0)
    package96800 (1.0.0)
    package96801 (1.0.0)
    package96802 (1.0.0)
    package96803 (1.0.0)
    package96804 (1.0.0)
    package96805 (1.0.0)
    package96806 (1.0.0)
    package96807 (1.0.0)
    package96808 (1.0.0)
    package96809 (1.0.0)
    package96810 (1.0.0)
    package96811 (1.0.0)
    package96812 (1.0.0)
    package96813 (1.0.0)
    package96814 (1.0.0)
    package96815 (1.0.0)
    package96816 (1.0.0)
    package96817 (1.0.0)
    package96818 (1.0.0)
    package96819 (1.0.0)
    package96820 (1.0.0)
    package96821 (1.0.0)
    package96822 (1.0.0)
    package96823 (1.0.0)
    package96824 (1.0.0)
    package96825 (1.0.0)
    package96826 (1.0.0)
    package96827 (1.0.0)
    package96828 (1.0.0)
    package96829 (1.0.0)
    package96830 (1.0.0)
    package96831 (1.0.0)
    package96832 (1.0.0)
    package96833 (1.0.0)
    package96834 (1.0.0)
    package96835 (1.0.0)
    package96836 (1.0.0)
    package96837 (1.0.0)
    package96838 (1.0.0)
    package96839 (1.0.0)
    package96840 (1.0.0)
    package96841 (1.0.0)
    package96842 (1.0.0)
    package96843 (1.0.0)
    package96844 (1.0.0)
    package96845 (1.0.0)
    package96846 (1.0.0)
    package96847 (1.0.0)
    package96848 (1.0.0)
    package96849 (1.0.0)
    package96850 (1.0.0)
    package96851 (1.0.0)
    package96852 (1.0.0)
    package96853 (1.0.0)
    package96854 (1.0.0)
    package96855 (1.0.0)
    package96856 (1.0.0)
    package96857 (1.0.0)
    package96858 (1.0.0)
    package96859 (1.0.0)
    package96860 (1.0.0)
    package96861 (1.0.0)
    package96862 (1.0.0)
    package96863 (1.0.0)
    package96864 (1.0.0)
    package96865 (1.0.0)
    package96866 (1.0.0)
    package96867 (1.0.0)
    package96868 (1.0.0)
    package96869 (1.0.0)
    package96870 (1.0.0)
    package96871 (1.0.0)
    package96872 (1.0.0)
    package96873 (1.0.0)
    package96874 (1.0.0)
    package96875 (1.0.0)
    package96876 (1.0.0)
    package96877 (1.0.0)
    package96878 (1.0.0)
    package96879 (1.0.0)
    package96880 (1.0.0)
    package96881 (1.0.0)
    package96882 (1.0.0)
    package96883 (1.0.0)
    package96884 (1.0.0)
    package96885 (1.0.0)
    package96886 (1.0.0)
    package96887 (1.0.0)
    package96888 (1.0.0)
    package96889 (1.0.0)
    package96890 (1.0.0)
    package96891 (1.0.0)
    package96892 (1.0.0)
    package96893 (1.0.0)
    package96894 (1.0.0)
    package96895 (1.0.0)
    package96896 (1.0.0)
    package96897 (1.0.0)
    package96898 (1.0.0)
    package96899 (1.0.0)
    package96900 (1.0.0)
    package96901 (1.0.0)
    package96902 (1.0.0)
    package96903 (1.0.0)
    package96904 (1.0.0)
    package96905 (1.0.0)
    package96906 (1.0.0)
    package96907 (1.0.0)
    package96908 (1.0.0)
    package96909 (1.0.0)
    package96910 (1.0.0)
    package96911 (1.0.0)
    package96912 (1.0.0)
    package96913 (1.0.0)
    package96914 (1.0.0)
    package96915 (1.0.0)
    package96916 (1.0.0)
    package96917 (1.0.0)
    package96918 (1.0.0)
    package96919 (1.0.0)
    package96920 (1.0.0)
    package96921 (1.0.0)
    package96922 (1.0.0)
    package96923 (1.0.0)
    package96924 (1.0.0)
    package96925 (1.0.0)
    package96926 (1.0.0)
    package96927 (1.0.0)
    package96928 (1.0.0)
    package96929 (1.0.0)
    package96930 (1.0.0)
    package96931 (1.0.0)
    package96932 (1.0.0)
    package96933 (1.0.0)
    package96934 (1.0.0)
    package96935 (1.0.0)
    package96936 (1.0.0)
    package96937 (1.0.0)
    package96938 (1.0.0)
    package96939 (1.0.0)
    package96940 (1.0.0)
    package96941 (1.0.0)
    package96942 (1.0.0)
    package96943 (1.0.0)
    package96944 (1.0.0)
    package96945 (1.0.0)
    package96946 (1.0.0)
    package96947 (1.0.0)
    package96948 (1.0.0)
    package96949 (1.0.0)
    package96950 (1.0.0)
    package96951 (1.0.0)
    package96952 (1.0.0)
    package96953 (1.0.0)
    package96954 (1.0.0)
    package96955 (1.0.0)
    package96956 (1.0.0)
    package96957 (1.0.0)
    package96958 (1.0.0)
    package96959 (1.0.0)
    package96960 (1.0.0)
    package96961 (1.0.0)
    package96962 (1.0.0)
    package96963 (1.0.0)
    package96964 (1.0.0)
    package96965 (1.0.0)
    package96966 (1.0.0)
    package96967 (1.0.0)
    package96968 (1.0.0)
    package96969 (1.0.0)
    package96970 (1.0.0)
    package96971 (1.0.0)
    package96972 (1.0.0)
    package96973 (1.0.0)
    package96974 (1.0.0)
    package96975 (1.0.0)
    package96976 (1.0.0)
    package96977 (1.0.0)
    package96978 (1.0.0)
    package96979 (1.0.0)
    package96980 (1.0.0)
    package96981 (1.0.0)
    package96982 (1.0.0)
    package96983 (1.0.0)
    package96984 (1.0.0)
    package96985 (1.0.0)
    package96986 (1.0.0)
    package96987 (1.0.0)
    package96988 (1.0.0)
    package96989 (1.0.0)
    package96990 (1.0.0)
    package96991 (1.0.0)
    package96992 (1.0.0)
    package96993 (1.0.0)
    package96994 (1.0.0)
    package96995 (1.0.0)
    package96996 (1.0.0)
    package96997 (1.0.0)
    package96998 (1.0.0)
    package96999 (1.0.0)
    package97000 (1.0.0)
    package97001 (1.0.0)
    package97002 (1.0.0)
    package97003 (1.0.0)
    package97004 (1.0.0)
    package97005 (1.0.0)
    package97006 (1.0.0)
    package97007 (1.0.0)
    package97008 (1.0.0)
    package97009 (1.0.0)
    package97010 (1.0.0)
    package97011 (1.0.0)
    package97012 (1.0.0)
    package97013 (1.0.0)
    package97014 (1.0.0)
    package97015 (1.0.0)
    package97016 (1.0.0)
    package97017 (1.0.0)
    package97018 (1.0.0)
    package97019 (1.0.0)
    package97020 (1.0.0)
    package97021 (1.0.0)
    package97022 (1.0.0)
    package97023 (1.0.0)
    package97024 (1.0.0)
    package97025 (1.0.0)
    package97026 (1.0.0)
    package97027 (1.0.0)
    package97028 (1.0.0)
    package97029 (1.0.0)
    package97030 (1.0.0)
    package97031 (1.0.0)
    package97032 (1.0.0)
    package97033 (1.0.0)
    package97034 (1.0.0)
    package97035 (1.0.0)
    package97036 (1.0.0)
    package97037 (1.0.0)
    package97038 (1.0.0)
    package97039 (1.0.0)
    package97040 (1.0.0)
    package97041 (1.0.0)
    package97042 (1.0.0)
    package97043 (1.0.0)
    package97044 (1.0.0)
    package97045 (1.0.0)
    package97046 (1.0.0)
    package97047 (1.0.0)
    package97048 (1.0.0)
    package97049 (1.0.0)
    package97050 (1.0.0)
    package97051 (1.0.0)
    package97052 (1.0.0)
    package97053 (1.0.0)
    package97054 (1.0.0)
    package97055 (1.0.0)
    package97056 (1.0.0)
    package97057 (1.0.0)
    package97058 (1.0.0)
    package97059 (1.0.0)
    package97060 (1.0.0)
    package97061 (1.0.0)
    package97062 (1.0.0)
    package97063 (1.0.0)
    package97064 (1.0.0)
    package97065 (1.0.0)
    package97066 (1.0.0)
    package97067 (1.0.0)
    package97068 (1.0.0)
    package97069 (1.0.0)
    package97070 (1.0.0)
    package97071 (1.0.0)
    package97072 (1.0.0)
    package97073 (1.0.0)
    package97074 (1.0.0)
    package97075 (1.0.0)
    package97076 (1.0.0)
    package97077 (1.0.0)
    package97078 (1.0.0)
    package97079 (1.0.0)
    package97080 (1.0.0)
    package97081 (1.0.0)
    package97082 (1.0.0)
    package97083 (1.0.0)
    package97084 (1.0.0)
    package97085 (1.0.0)
    package97086 (1.0.0)
    package97087 (1.0.0)
    package97088 (1.0.0)
    package97089 (1.0.0)
    package97090 (1.0.0)
    package97091 (1.0.0)
    package97092 (1.0.0)
    package97093 (1.0.0)
    package97094 (1.0.0)
    package97095 (1.0.0)
    package97096 (1.0.0)
    package97097 (1.0.0)
    package97098 (1.0.0)
    package97099 (1.0.0)
    package97100 (1.0.0)
    package97101 (1.0.0)
    package97102 (1.0.0)
    package97103 (1.0.0)
    package97104 (1.0.0)
    package97105 (1.0.0)
    package97106 (1.0.0)
    package97107 (1.0.0)
    package97108 (1.0.0)
    package97109 (1.0.0)
    package97110 (1.0.0)
    package97111 (1.0.0)
    package97112 (1.0.0)
    package97113 (1.0.0)
    package97114 (1.0.0)
    package97115 (1.0.0)
    package97116 (1.0.0)
    package97117 (1.0.0)
    package97118 (1.0.0)
    package97119 (1.0.0)
    package97120 (1.0.0)
    package97121 (1.0.0)
    package97122 (1.0.0)
    package97123 (1.0.0)
    package97124 (1.0.0)
    package97125 (1.0.0)
    package97126 (1.0.0)
    package97127 (1.0.0)
    package97128 (1.0.0)
    package97129 (1.0.0)
    package97130 (1.0.0)
    package97131 (1.0.0)
    package97132 (1.0.0)
    package97133 (1.0.0)
    package97134 (1.0.0)
    package97135 (1.0.0)
    package97136 (1.0.0)
    package97137 (1.0.0)
    package97138 (1.0.0)
    package97139 (1.0.0)
    package97140 (1.0.0)
    package97141 (1.0.0)
    package97142 (1.0.0)
    package97143 (1.0.0)
    package97144 (1.0.0)
    package97145 (1.0.0)
    package97146 (1.0.0)
    package97147 (1.0.0)
    package97148 (1.0.0)
    package97149 (1.0.0)
    package97150 (1.0.0)
    package97151 (1.0.0)
    package97152 (1.0.0)
    package97153 (1.0.0)
    package97154 (1.0.0)
    package97155 (1.0.0)
    package97156 (1.0.0)
    package97157 (1.0.0)
    package97158 (1.0.0)
    package97159 (1.0.0)
    package97160 (1.0.0)
    package97161 (1.0.0)
    package97162 (1.0.0)
    package97163 (1.0.0)
    package97164 (1.0.0)
    package97165 (1.0.0)
    package97166 (1.0.0)
    package97167 (1.0.0)
    package97168 (1.0.0)
    package97169 (1.0.0)
    package97170 (1.0.0)
    package97171 (1.0.0)
    package97172 (1.0.0)
    package97173 (1.0.0)
    package97174 (1.0.0)
    package97175 (1.0.0)
    package97176 (1.0.0)
    package97177 (1.0.0)
    package97178 (1.0.0)
    package97179 (1.0.0)
    package97180 (1.0.0)
    package97181 (1.0.0)
    package97182 (1.0.0)
    package97183 (1.0.0)
    package97184 (1.0.0)
    package97185 (1.0.0)
    package97186 (1.0.0)
    package97187 (1.0.0)
    package97188 (1.0.0)
    package97189 (1.0.0)
    package97190 (1.0.0)
    package97191 (1.0.0)
    package97192 (1.0.0)
    package97193 (1.0.0)
    package97194 (1.0.0)
    package97195 (1.0.0)
    package97196 (1.0.0)
    package97197 (1.0.0)
    package97198 (1.0.0)
    package97199 (1.0.0)
    package97200 (1.0.0)
    package97201 (1.0.0)
    package97202 (1.0.0)
    package97203 (1.0.0)
    package97204 (1.0.0)
    package97205 (1.0.0)
    package97206 (1.0.0)
    package97207 (1.0.0)
    package97208 (1.0.0)
    package97209 (1.0.0)
    package97210 (1.0.0)
    package97211 (1.0.0)
    package97212 (1.0.0)
    package97213 (1.0.0)
    package97214 (1.0.0)
    package97215 (1.0.0)
    package97216 (1.0.0)
    package97217 (1.0.0)
    package97218 (1.0.0)
    package97219 (1.0.0)
    package97220 (1.0.0)
    package97221 (1.0.0)
    package97222 (1.0.0)
    package97223 (1.0.0)
    package97224 (1.0.0)
    package97225 (1.0.0)
    package97226 (1.0.0)
    package97227 (1.0.0)
    package97228 (1.0.0)
    package97229 (1.0.0)
    package97230 (1.0.0)
    package97231 (1.0.0)
    package97232 (1.0.0)
    package97233 (1.0.0)
    package97234 (1.0.0)
    package97235 (1.0.0)
    package97236 (1.0.0)
    package97237 (1.0.0)
    package97238 (1.0.0)
    package97239 (1.0.0)
    package97240 (1.0.0)
    package97241 (1.0.0)
    package97242 (1.0.0)
    package97243 (1.0.0)
    package97244 (1.0.0)
    package97245 (1.0.0)
    package97246 (1.0.0)
    package97247 (1.0.0)
    package97248 (1.0.0)
    package97249 (1.0.0)
    package97250 (1.0.0)
    package97251 (1.0.0)
    package97252 (1.0.0)
    package97253 (1.0.0)
    package97254 (1.0.0)
    package97255 (1.0.0)
    package97256 (1.0.0)
    package97257 (1.0.0)
    package97258 (1.0.0)
    package97259 (1.0.0)
    package97260 (1.0.0)
    package97261 (1.0.0)
    package97262 (1.0.0)
    package97263 (1.0.0)
    package97264 (1.0.0)
    package97265 (1.0.0)
    package97266 (1.0.0)
    package97267 (1.0.0)
    package97268 (1.0.0)
    package97269 (1.0.0)
    package97270 (1.0.0)
    package97271 (1.0.0)
    package97272 (1.0.0)
    package97273 (1.0.0)
    package97274 (1.0.0)
    package97275 (1.0.0)
    package97276 (1.0.0)
    package97277 (1.0.0)
    package97278 (1.0.0)
    package97279 (1.0.0)
    package97280 (1.0.0)
    package97281 (1.0.0)
    package97282 (1.0.0)
    package97283 (1.0.0)
    package97284 (1.0.0)
    package97285 (1.0.0)
    package97286 (1.0.0)
    package97287 (1.0.0)
    package97288 (1.0.0)
    package97289 (1.0.0)
    package97290 (1.0.0)
    package97291 (1.0.0)
    package97292 (1.0.0)
    package97293 (1.0.0)
    package97294 (1.0.0)
    package97295 (1.0.0)
    package97296 (1.0.0)
    package97297 (1.0.0)
    package97298 (1.0.0)
    package97299 (1.0.0)
    package97300 (1.0.0)
    package97301 (1.0.0)
    package97302 (1.0.0)
    package97303 (1.0.0)
    package97304 (1.0.0)
    package97305 (1.0.0)
    package97306 (1.0.0)
    package97307 (1.0.0)
    package97308 (1.0.0)
    package97309 (1.0.0)
    package97310 (1.0.0)
    package97311 (1.0.0)
    package97312 (1.0.0)
    package97313 (1.0.0)
    package97314 (1.0.0)
    package97315 (1.0.0)
    package97316 (1.0.0)
    package97317 (1.0.0)
    package97318 (1.0.0)
    package97319 (1.0.0)
    package97320 (1.0.0)
    package97321 (1.0.0)
    package97322 (1.0.0)
    package97323 (1.0.0)
    package97324 (1.0.0)
    package97325 (1.0.0)
    package97326 (1.0.0)
    package97327 (1.0.0)
    package97328 (1.0.0)
    package97329 (1.0.0)
    package97330 (1.0.0)
    package97331 (1.0.0)
    package97332 (1.0.0)
    package97333 (1.0.0)
    package97334 (1.0.0)
    package97335 (1.0.0)
    package97336 (1.0.0)
    package97337 (1.0.0)
    package97338 (1.0.0)
    package97339 (1.0.0)
    package97340 (1.0.0)
    package97341 (1.0.0)
    package97342 (1.0.0)
    package97343 (1.0.0)
    package97344 (1.0.0)
    package97345 (1.0.0)
    package97346 (1.0.0)
    package97347 (1.0.0)
    package97348 (1.0.0)
    package97349 (1.0.0)
    package97350 (1.0.0)
    package97351 (1.0.0)
    package97352 (1.0.0)
    package97353 (1.0.0)
    package97354 (1.0.0)
    package97355 (1.0.0)
    package97356 (1.0.0)
    package97357 (1.0.0)
    package97358 (1.0.0)
    package97359 (1.0.0)
    package97360 (1.0.0)
    package97361 (1.0.0)
    package97362 (1.0.0)
    package97363 (1.0.0)
    package97364 (1.0.0)
    package97365 (1.0.0)
    package97366 (1.0.0)
    package97367 (1.0.0)
    package97368 (1.0.0)
    package97369 (1.0.0)
    package97370 (1.0.0)
    package97371 (1.0.0)
    package97372 (1.0.0)
    package97373 (1.0.0)
    package97374 (1.0.0)
    package97375 (1.0.0)
    package97376 (1.0.0)
    package97377 (1.0.0)
    package97378 (1.0.0)
    package97379 (1.0.0)
    package97380 (1.0.0)
    package97381 (1.0.0)
    package97382 (1.0.0)
    package97383 (1.0.0)
    package97384 (1.0.0)
    package97385 (1.0.0)
    package97386 (1.0.0)
    package97387 (1.0.0)
    package97388 (1.0.0)
    package97389 (1.0.0)
    package97390 (1.0.0)
    package97391 (1.0.0)
    package97392 (1.0.0)
    package97393 (1.0.0)
    package97394 (1.0.0)
    package97395 (1.0.0)
    package97396 (1.0.0)
    package97397 (1.0.0)
    package97398 (1.0.0)
    package97399 (1.0.0)
    package97400 (1.0.0)
    package97401 (1.0.0)
    package97402 (1.0.0)
    package97403 (1.0.0)
    package97404 (1.0.0)
    package97405 (1.0.0)
    package97406 (1.0.0)
    package97407 (1.0.0)
    package97408 (1.0.0)
    package97409 (1.0.0)
    package97410 (1.0.0)
    package97411 (1.0.0)
    package97412 (1.0.0)
    package97413 (1.0.0)
    package97414 (1.0.0)
    package97415 (1.0.0)
    package97416 (1.0.0)
    package97417 (1.0.0)
    package97418 (1.0.0)
    package97419 (1.0.0)
    package97420 (1.0.0)
    package97421 (1.0.0)
    package97422 (1.0.0)
    package97423 (1.0.0)
    package97424 (1.0.0)
    package97425 (1.0.0)
    package97426 (1.0.0)
    package97427 (1.0.0)
    package97428 (1.0.0)
    package97429 (1.0.0)
    package97430 (1.0.0)
    package97431 (1.0.0)
    package97432 (1.0.0)
    package97433 (1.0.0)
    package97434 (1.0.0)
    package97435 (1.0.0)
    package97436 (1.0.0)
    package97437 (1.0.0)
    package97438 (1.0.0)
    package97439 (1.0.0)
    package97440 (1.0.0)
    package97441 (1.0.0)
    package97442 (1.0.0)
    package97443 (1.0.0)
    package97444 (1.0.0)
    package97445 (1.0.0)
    package97446 (1.0.0)
    package97447 (1.0.0)
    package97448 (1.0.0)
    package97449 (1.0.0)
    package97450 (1.0.0)
    package97451 (1.0.0)
    package97452 (1.0.0)
    package97453 (1.0.0)
    package97454 (1.0.0)
    package97455 (1.0.0)
    package97456 (1.0.0)
    package97457 (1.0.0)
    package97458 (1.0.0)
    package97459 (1.0.0)
    package97460 (1.0.0)
    package97461 (1.0.0)
    package97462 (1.0.0)
    package97463 (1.0.0)
    package97464 (1.0.0)
    package97465 (1.0.0)
    package97466 (1.0.0)
    package97467 (1.0.0)
    package97468 (1.0.0)
    package97469 (1.0.0)
    package97470 (1.0.0)
    package97471 (1.0.0)
    package97472 (1.0.0)
    package97473 (1.0.0)
    package97474 (1.0.0)
    package97475 (1.0.0)
    package97476 (1.0.0)
    package97477 (1.0.0)
    package97478 (1.0.0)
    package97479 (1.0.0)
    package97480 (1.0.0)
    package97481 (1.0.0)
    package97482 (1.0.0)
    package97483 (1.0.0)
    package97484 (1.0.0)
    package97485 (1.0.0)
    package97486 (1.0.0)
    package97487 (1.0.0)
    package97488 (1.0.0)
    package97489 (1.0.0)
    package97490 (1.0.0)
    package97491 (1.0.0)
    package97492 (1.0.0)
    package97493 (1.0.0)
    package97494 (1.0.0)
    package97495 (1.0.0)
    package97496 (1.0.0)
    package97497 (1.0.0)
    package97498 (1.0.0)
    package97499 (1.0.0)
    package97500 (1.0.0)
    package97501 (1.0.0)
    package97502 (1.0.0)
    package97503 (1.0.0)
    package97504 (1.0.0)
    package97505 (1.0.0)
    package97506 (1.0.0)
    package97507 (1.0.0)
    package97508 (1.0.0)
    package97509 (1.0.0)
    package97510 (1.0.0)
    package97511 (1.0.0)
    package97512 (1.0.0)
    package97513 (1.0.0)
    package97514 (1.0.0)
    package97515 (1.0.0)
    package97516 (1.0.0)
    package97517 (1.0.0)
    package97518 (1.0.0)
    package97519 (1.0.0)
    package97520 (1.0.0)
    package97521 (1.0.0)
    package97522 (1.0.0)
    package97523 (1.0.0)
    package97524 (1.0.0)
    package97525 (1.0.0)
    package97526 (1.0.0)
    package97527 (1.0.0)
    package97528 (1.0.0)
    package97529 (1.0.0)
    package97530 (1.0.0)
    package97531 (1.0.0)
    package97532 (1.0.0)
    package97533 (1.0.0)
    package97534 (1.0.0)
    package97535 (1.0.0)
    package97536 (1.0.0)
    package97537 (1.0.0)
    package97538 (1.0.0)
    package97539 (1.0.0)
    package97540 (1.0.0)
    package97541 (1.0.0)
    package97542 (1.0.0)
    package97543 (1.0.0)
    package97544 (1.0.0)
    package97545 (1.0.0)
    package97546 (1.0.0)
    package97547 (1.0.0)
    package97548 (1.0.0)
    package97549 (1.0.0)
    package97550 (1.0.0)
    package97551 (1.0.0)
    package97552 (1.0.0)
    package97553 (1.0.0)
    package97554 (1.0.0)
    package97555 (1.0.0)
    package97556 (1.0.0)
    package97557 (1.0.0)
    package97558 (1.0.0)
    package97559 (1.0.0)
    package97560 (1.0.0)
    package97561 (1.0.0)
    package97562 (1.0.0)
    package97563 (1.0.0)
    package97564 (1.0.0)
    package97565 (1.0.0)
    package97566 (1.0.0)
    package97567 (1.0.0)
    package97568 (1.0.0)
    package97569 (1.0.0)
    package97570 (1.0.0)
    package97571 (1.0.0)
    package97572 (1.0.0)
    package97573 (1.0.0)
    package97574 (1.0.0)
    package97575 (1.0.0)
    package97576 (1.0.0)
    package97577 (1.0.0)
    package97578 (1.0.0)
    package97579 (1.0.0)
    package97580 (1.0.0)
    package97581 (1.0.0)
    package97582 (1.0.0)
    package97583 (1.0.0)
    package97584 (1.0.0)
    package97585 (1.0.0)
    package97586 (1.0.0)
    package97587 (1.0.0)
    package97588 (1.0.0)
    package97589 (1.0.0)
    package97590 (1.0.0)
    package97591 (1.0.0)
    package97592 (1.0.0)
    package97593 (1.0.0)
    package97594 (1.0.0)
    package97595 (1.0.0)
    package97596 (1.0.0)
    package97597 (1.0.0)
    package97598 (1.0.0)
    package97599 (1.0.0)
    package97600 (1.0.0)
    package97601 (1.0.0)
    package97602 (1.0.0)
    package97603 (1.0.0)
    package97604 (1.0.0)
    package97605 (1.0.0)
    package97606 (1.0.0)
    package97607 (1.0.0)
    package97608 (1.0.0)
    package97609 (1.0.0)
    package97610 (1.0.0)
    package97611 (1.0.0)
    package97612 (1.0.0)
    package97613 (1.0.0)
    package97614 (1.0.0)
    package97615 (1.0.0)
    package97616 (1.0.0)
    package97617 (1.0.0)
    package97618 (1.0.0)
    package97619 (1.0.0)
    package97620 (1.0.0)
    package97621 (1.0.0)
    package97622 (1.0.0)
    package97623 (1.0.0)
    package97624 (1.0.0)
    package97625 (1.0.0)
    package97626 (1.0.0)
    package97627 (1.0.0)
    package97628 (1.0.0)
    package97629 (1.0.0)
    package97630 (1.0.0)
    package97631 (1.0.0)
    package97632 (1.0.0)
    package97633 (1.0.0)
    package97634 (1.0.0)
    package97635 (1.0.0)
    package97636 (1.0.0)
    package97637 (1.0.0)
    package97638 (1.0.0)
    package97639 (1.0.0)
    package97640 (1.0.0)
    package97641 (1.0.0)
    package97642 (1.0.0)
    package97643 (1.0.0)
    package97644 (1.0.0)
    package97645 (1.0.0)
    package97646 (1.0.0)
    package97647 (1.0.0)
    package97648 (1.0.0)
    package97649 (1.0.0)
    package97650 (1.0.0)
    package97651 (1.0.0)
    package97652 (1.0.0)
    package97653 (1.0.0)
    package97654 (1.0.0)
    package97655 (1.0.0)
    package97656 (1.0.0)
    package97657 (1.0.0)
    package97658 (1.0.0)
    package97659 (1.0.0)
    package97660 (1.0.0)
    package97661 (1.0.0)
    package97662 (1.0.0)
    package97663 (1.0.0)
    package97664 (1.0.0)
    package97665 (1.0.0)
    package97666 (1.0.0)
    package97667 (1.0.0)
    package97668 (1.0.0)
    package97669 (1.0.0)
    package97670 (1.0.0)
    package97671 (1.0.0)
    package97672 (1.0.0)
    package97673 (1.0.0)
    package97674 (1.0.0)
    package97675 (1.0.0)
    package97676 (1.0.0)
    package97677 (1.0.0)
    package97678 (1.0.0)
    package97679 (1.0.0)
    package97680 (1.0.0)
    package97681 (1.0.0)
    package97682 (1.0.0)
    package97683 (1.0.0)
    package97684 (1.0.0)
    package97685 (1.0.0)
    package97686 (1.0.0)
    package97687 (1.0.0)
    package97688 (1.0.0)
    package97689 (1.0.0)
    package97690 (1.0.0)
    package97691 (1.0.0)
    package97692 (1.0.0)
    package97693 (1.0.0)
    package97694 (1.0.0)
    package97695 (1.0.0)
    package97696 (1.0.0)
    package97697 (1.0.0)
    package97698 (1.0.0)
    package97699 (1.0.0)
    package97700 (1.0.0)
    package97701 (1.0.0)
    package97702 (1.0.0)
    package97703 (1.0.0)
    package97704 (1.0.0)
    package97705 (1.0.0)
    package97706 (1.0.0)
    package97707 (1.0.0)
    package97708 (1.0.0)
    package97709 (1.0.0)
    package97710 (1.0.0)
    package97711 (1.0.0)
    package97712 (1.0.0)
    package97713 (1.0.0)
    package97714 (1.0.0)
    package97715 (1.0.0)
    package97716 (1.0.0)
    package97717 (1.0.0)
    package97718 (1.0.0)
    package97719 (1.0.0)
    package97720 (1.0.0)
    package97721 (1.0.0)
    package97722 (1.0.0)
    package97723 (1.0.0)
    package97724 (1.0.0)
    package97725 (1.0.0)
    package97726 (1.0.0)
    package97727 (1.0.0)
    package97728 (1.0.0)
    package97729 (1.0.0)
    package97730 (1.0.0)
    package97731 (1.0.0)
    package97732 (1.0.0)
    package97733 (1.0.0)
    package97734 (1.0.0)
    package97735 (1.0.0)
    package97736 (1.0.0)
    package97737 (1.0.0)
    package97738 (1.0.0)
    package97739 (1.0.0)
    package97740 (1.0.0)
    package97741 (1.0.0)
    package97742 (1.0.0)
    package97743 (1.0.0)
    package97744 (1.0.0)
    package97745 (1.0.0)
    package97746 (1.0.0)
    package97747 (1.0.0)
    package97748 (1.0.0)
    package97749 (1.0.0)
    package97750 (1.0.0)
    package97751 (1.0.0)
    package97752 (1.0.0)
    package97753 (1.0.0)
    package97754 (1.0.0)
    package97755 (1.0.0)
    package97756 (1.0.0)
    package97757 (1.0.0)
    package97758 (1.0.0)
    package97759 (1.0.0)
    package97760 (1.0.0)
    package97761 (1.0.0)
    package97762 (1.0.0)
    package97763 (1.0.0)
    package97764 (1.0.0)
    package97765 (1.0.0)
    package97766 (1.0.0)
    package97767 (1.0.0)
    package97768 (1.0.0)
    package97769 (1.0.0)
    package97770 (1.0.0)
    package97771 (1.0.0)
    package97772 (1.0.0)
    package97773 (1.0.0)
    package97774 (1.0.0)
    package97775 (1.0.0)
    package97776 (1.0.0)
    package97777 (1.0.0)
    package97778 (1.0.0)
    package97779 (1.0.0)
    package97780 (1.0.0)
    package97781 (1.0.0)
    package97782 (1.0.0)
    package97783 (1.0.0)
    package97784 (1.0.0)
    package97785 (1.0.0)
    package97786 (1.0.0)
    package97787 (1.0.0)
    package97788 (1.0.0)
    package97789 (1.0.0)
    package97790 (1.0.0)
    package97791 (1.0.0)
    package97792 (1.0.0)
    package97793 (1.0.0)
    package97794 (1.0.0)
    package97795 (1.0.0)
    package97796 (1.0.0)
    package97797 (1.0.0)
    package97798 (1.0.0)
    package97799 (1.0.0)
    package97800 (1.0.0)
    package97801 (1.0.0)
    package97802 (1.0.0)
    package97803 (1.0.0)
    package97804 (1.0.0)
    package97805 (1.0.0)
    package97806 (1.0.0)
    package97807 (1.0.0)
    package97808 (1.0.0)
    package97809 (1.0.0)
    package97810 (1.0.0)
    package97811 (1.0.0)
    package97812 (1.0.0)
    package97813 (1.0.0)
    package97814 (1.0.0)
    package97815 (1.0.0)
    package97816 (1.0.0)
    package97817 (1.0.0)
    package97818 (1.0.0)
    package97819 (1.0.0)
    package97820 (1.0.0)
    package97821 (1.0.0)
    package97822 (1.0.0)
    package97823 (1.0.0)
    package97824 (1.0.0)
    package97825 (1.0.0)
    package97826 (1.0.0)
    package97827 (1.0.0)
    package97828 (1.0.0)
    package97829 (1.0.0)
    package97830 (1.0.0)
    package97831 (1.0.0)
    package97832 (1.0.0)
    package97833 (1.0.0)
    package97834 (1.0.0)
    package97835 (1.0.0)
    package97836 (1.0.0)
    package97837 (1.0.0)
    package97838 (1.0.0)
    package97839 (1.0.0)
    package97840 (1.0.0)
    package97841 (1.0.0)
    package97842 (1.0.0)
    package97843 (1.0.0)
    package97844 (1.0.0)
    package97845 (1.0.0)
    package97846 (1.0.0)
    package97847 (1.0.0)
    package97848 (1.0.0)
    package97849 (1.0.0)
    package97850 (1.0.0)
    package97851 (1.0.0)
    package97852 (1.0.0)
    package97853 (1.0.0)
    package97854 (1.0.0)
    package97855 (1.0.0)
    package97856 (1.0.0)
    package97857 (1.0.0)
    package97858 (1.0.0)
    package97859 (1.0.0)
    package97860 (1.0.0)
    package97861 (1.0.0)
    package97862 (1.0.0)
    package97863 (1.0.0)
    package97864 (1.0.0)
    package97865 (1.0.0)
    package97866 (1.0.0)
    package97867 (1.0.0)
    package97868 (1.0.0)
    package97869 (1.0.0)
    package97870 (1.0.0)
    package97871 (1.0.0)
    package97872 (1.0.0)
    package97873 (1.0.0)
    package97874 (1.0.0)
    package97875 (1.0.0)
    package97876 (1.0.0)
    package97877 (1.0.0)
    package97878 (1.0.0)
    package97879 (1.0.0)
    package97880 (1.0.0)
    package97881 (1.0.0)
    package97882 (1.0.0)
    package97883 (1.0.0)
    package97884 (1.0.0)
    package97885 (1.0.0)
    package97886 (1.0.0)
    package97887 (1.0.0)
    package97888 (1.0.0)
    package97889 (1.0.0)
    package97890 (1.0.0)
    package97891 (1.0.0)
    package97892 (1.0.0)
    package97893 (1.0.0)
    package97894 (1.0.0)
    package97895 (1.0.0)
    package97896 (1.0.0)
    package97897 (1.0.0)
    package97898 (1.0.0)
    package97899 (1.0.0)
    package97900 (1.0.0)
    package97901 (1.0.0)
    package97902 (1.0.0)
    package97903 (1.0.0)
    package97904 (1.0.0)
    package97905 (1.0.0)
    package97906 (1.0.0)
    package97907 (1.0.0)
    package97908 (1.0.0)
    package97909 (1.0.0)
    package97910 (1.0.0)
    package97911 (1.0.0)
    package97912 (1.0.0)
    package97913 (1.0.0)
    package97914 (1.0.0)
    package97915 (1.0.0)
    package97916 (1.0.0)
    package97917 (1.0.0)
    package97918 (1.0.0)
    package97919 (1.0.0)
    package97920 (1.0.0)
    package97921 (1.0.0)
    package97922 (1.0.0)
    package97923 (1.0.0)
    package97924 (1.0.0)
    package97925 (1.0.0)
    package97926 (1.0.0)
    package97927 (1.0.0)
    package97928 (1.0.0)
    package97929 (1.0.0)
    package97930 (1.0.0)
    package97931 (1.0.0)
    package97932 (1.0.0)
    package97933 (1.0.0)
    package97934 (1.0.0)
    package97935 (1.0.0)
    package97936 (1.0.0)
    package97937 (1.0.0)
    package97938 (1.0.0)
    package97939 (1.0.0)
    package97940 (1.0.0)
    package97941 (1.0.0)
    package97942 (1.0.0)
    package97943 (1.0.0)
    package97944 (1.0.0)
    package97945 (1.0.0)
    package97946 (1.0.0)
    package97947 (1.0.0)
    package97948 (1.0.0)
    package97949 (1.0.0)
    package97950 (1.0.0)
    package97951 (1.0.0)
    package97952 (1.0.0)
    package97953 (1.0.0)
    package97954 (1.0.0)
    package97955 (1.0.0)
    package97956 (1.0.0)
    package97957 (1.0.0)
    package97958 (1.0.0)
    package97959 (1.0.0)
    package97960 (1.0.0)
    package97961 (1.0.0)
    package97962 (1.0.0)
    package97963 (1.0.0)
    package97964 (1.0.0)
    package97965 (1.0.0)
    package97966 (1.0.0)
    package97967 (1.0.0)
    package97968 (1.0.0)
    package97969 (1.0.0)
    package97970 (1.0.0)
    package97971 (1.0.0)
    package97972 (1.0.0)
    package97973 (1.0.0)
    package97974 (1.0.0)
    package97975 (1.0.0)
    package97976 (1.0.0)
    package97977 (1.0.0)
    package97978 (1.0.0)
    package97979 (1.0.0)
    package97980 (1.0.0)
    package97981 (1.0.0)
    package97982 (1.0.0)
    package97983 (1.0.0)
    package97984 (1.0.0)
    package97985 (1.0.0)
    package97986 (1.0.0)
    package97987 (1.0.0)
    package97988 (1.0.0)
    package97989 (1.0.0)
    package97990 (1.0.0)
    package97991 (1.0.0)
    package97992 (1.0.0)
    package97993 (1.0.0)
    package97994 (1.0.0)
    package97995 (1.0.0)
    package97996 (1.0.0)
    package97997 (1.0.0)
    package97998 (1.0.0)
    package97999 (1.0.0)
    package98000 (1.0.0)
    package98001 (1.0.0)
    package98002 (1.0.0)
    package98003 (1.0.0)
    package98004 (1.0.0)
    package98005 (1.0.0)
    package98006 (1.0.0)
    package98007 (1.0.0)
    package98008 (1.0.0)
    package98009 (1.0.0)
    package98010 (1.0.0)
    package98011 (1.0.0)
    package98012 (1.0.0)
    package98013 (1.0.0)
    package98014 (1.0.0)
    package98015 (1.0.0)
    package98016 (1.0.0)
    package98017 (1.0.0)
    package98018 (1.0.0)
    package98019 (1.0.0)
    package98020 (1.0.0)
    package98021 (1.0.0)
    package98022 (1.0.0)
    package98023 (1.0.0)
    package98024 (1.0.0)
    package98025 (1.0.0)
    package98026 (1.0.0)
    package98027 (1.0.0)
    package98028 (1.0.0)
    package98029 (1.0.0)
    package98030 (1.0.0)
    package98031 (1.0.0)
    package98032 (1.0.0)
    package98033 (1.0.0)
    package98034 (1.0.0)
    package98035 (1.0.0)
    package98036 (1.0.0)
    package98037 (1.0.0)
    package98038 (1.0.0)
    package98039 (1.0.0)
    package98040 (1.0.0)
    package98041 (1.0.0)
    package98042 (1.0.0)
    package98043 (1.0.0)
    package98044 (1.0.0)
    package98045 (1.0.0)
    package98046 (1.0.0)
    package98047 (1.0.0)
    package98048 (1.0.0)
    package98049 (1.0.0)
    package98050 (1.0.0)
    package98051 (1.0.0)
    package98052 (1.0.0)
    package98053 (1.0.0)
    package98054 (1.0.0)
    package98055 (1.0.0)
    package98056 (1.0.0)
    package98057 (1.0.0)
    package98058 (1.0.0)
    package98059 (1.0.0)
    package98060 (1.0.0)
    package98061 (1.0.0)
    package98062 (1.0.0)
    package98063 (1.0.0)
    package98064 (1.0.0)
    package98065 (1.0.0)
    package98066 (1.0.0)
    package98067 (1.0.0)
    package98068 (1.0.0)
    package98069 (1.0.0)
    package98070 (1.0.0)
    package98071 (1.0.0)
    package98072 (1.0.0)
    package98073 (1.0.0)
    package98074 (1.0.0)
    package98075 (1.0.0)
    package98076 (1.0.0)
    package98077 (1.0.0)
    package98078 (1.0.0)
    package98079 (1.0.0)
    package98080 (1.0.0)
    package98081 (1.0.0)
    package98082 (1.0.0)
    package98083 (1.0.0)
    package98084 (1.0.0)
    package98085 (1.0.0)
    package98086 (1.0.0)
    package98087 (1.0.0)
    package98088 (1.0.0)
    package98089 (1.0.0)
    package98090 (1.0.0)
    package98091 (1.0.0)
    package98092 (1.0.0)
    package98093 (1.0.0)
    package98094 (1.0.0)
    package98095 (1.0.0)
    package98096 (1.0.0)
    package98097 (1.0.0)
    package98098 (1.0.0)
    package98099 (1.0.0)
    package98100 (1.0.0)
    package98101 (1.0.0)
    package98102 (1.0.0)
    package98103 (1.0.0)
    package98104 (1.0.0)
    package98105 (1.0.0)
    package98106 (1.0.0)
    package98107 (1.0.0)
    package98108 (1.0.0)
    package98109 (1.0.0)
    package98110 (1.0.0)
    package98111 (1.0.0)
    package98112 (1.0.0)
    package98113 (1.0.0)
    package98114 (1.0.0)
    package98115 (1.0.0)
    package98116 (1.0.0)
    package98117 (1.0.0)
    package98118 (1.0.0)
    package98119 (1.0.0)
    package98120 (1.0.0)
    package98121 (1.0.0)
    package98122 (1.0.0)
    package98123 (1.0.0)
    package98124 (1.0.0)
    package98125 (1.0.0)
    package98126 (1.0.0)
    package98127 (1.0.0)
    package98128 (1.0.0)
    package98129 (1.0.0)
    package98130 (1.0.0)
    package98131 (1.0.0)
    package98132 (1.0.0)
    package98133 (1.0.0)
    package98134 (1.0.0)
    package98135 (1.0.0)
    package98136 (1.0.0)
    package98137 (1.0.0)
    package98138 (1.0.0)
    package98139 (1.0.0)
    package98140 (1.0.0)
    package98141 (1.0.0)
    package98142 (1.0.0)
    package98143 (1.0.0)
    package98144 (1.0.0)
    package98145 (1.0.0)
    package98146 (1.0.0)
    package98147 (1.0.0)
    package98148 (1.0.0)
    package98149 (1.0.0)
    package98150 (1.0.0)
    package98151 (1.0.0)
    package98152 (1.0.0)
    package98153 (1.0.0)
    package98154 (1.0.0)
    package98155 (1.0.0)
    package98156 (1.0.0)
    package98157 (1.0.0)
    package98158 (1.0.0)
    package98159 (1.0.0)
    package98160 (1.0.0)
    package98161 (1.0.0)
    package98162 (1.0.0)
    package98163 (1.0.0)
    package98164 (1.0.0)
    package98165 (1.0.0)
    package98166 (1.0.0)
    package98167 (1.0.0)
    package98168 (1.0.0)
    package98169 (1.0.0)
    package98170 (1.0.0)
    package98171 (1.0.0)
    package98172 (1.0.0)
    package98173 (1.0.0)
    package98174 (1.0.0)
    package98175 (1.0.0)
    package98176 (1.0.0)
    package98177 (1.0.0)
    package98178 (1.0.0)
    package98179 (1.0.0)
    package98180 (1.0.0)
    package98181 (1.0.0)
    package98182 (1.0.0)
    package98183 (1.0.0)
    package98184 (1.0.0)
    package98185 (1.0.0)
    package98186 (1.0.0)
    package98187 (1.0.0)
    package98188 (1.0.0)
    package98189 (1.0.0)
    package98190 (1.0.0)
    package98191 (1.0.0)
    package98192 (1.0.0)
    package98193 (1.0.0)
    package98194 (1.0.0)
    package98195 (1.0.0)
    package98196 (1.0.0)
    package98197 (1.0.0)
    package98198 (1.0.0)
    package98199 (1.0.0)
    package98200 (1.0.0)
    package98201 (1.0.0)
    package98202 (1.0.0)
    package98203 (1.0.0)
    package98204 (1.0.0)
    package98205 (1.0.0)
    package98206 (1.0.0)
    package98207 (1.0.0)
    package98208 (1.0.0)
    package98209 (1.0.0)
    package98210 (1.0.0)
    package98211 (1.0.0)
    package98212 (1.0.0)
    package98213 (1.0.0)
    package98214 (1.0.0)
    package98215 (1.0.0)
    package98216 (1.0.0)
    package98217 (1.0.0)
    package98218 (1.0.0)
    package98219 (1.0.0)
    package98220 (1.0.0)
    package98221 (1.0.0)
    package98222 (1.0.0)
    package98223 (1.0.0)
    package98224 (1.0.0)
    package98225 (1.0.0)
    package98226 (1.0.0)
    package98227 (1.0.0)
    package98228 (1.0.0)
    package98229 (1.0.0)
    package98230 (1.0.0)
    package98231 (1.0.0)
    package98232 (1.0.0)
    package98233 (1.0.0)
    package98234 (1.0.0)
    package98235 (1.0.0)
    package98236 (1.0.0)
    package98237 (1.0.0)
    package98238 (1.0.0)
    package98239 (1.0.0)
    package98240 (1.0.0)
    package98241 (1.0.0)
    package98242 (1.0.0)
    package98243 (1.0.0)
    package98244 (1.0.0)
    package98245 (1.0.0)
    package98246 (1.0.0)
    package98247 (1.0.0)
    package98248 (1.0.0)
    package98249 (1.0.0)
    package98250 (1.0.0)
    package98251 (1.0.0)
    package98252 (1.0.0)
    package98253 (1.0.0)
    package98254 (1.0.0)
    package98255 (1.0.0)
    package98256 (1.0.0)
    package98257 (1.0.0)
    package98258 (1.0.0)
    package98259 (1.0.0)
    package98260 (1.0.0)
    package98261 (1.0.0)
    package98262 (1.0.0)
    package98263 (1.0.0)
    package98264 (1.0.0)
    package98265 (1.0.0)
    package98266 (1.0.0)
    package98267 (1.0.0)
    package98268 (1.0.0)
    package98269 (1.0.0)
    package98270 (1.0.0)
    package98271 (1.0.0)
    package98272 (1.0.0)
    package98273 (1.0.0)
    package98274 (1.0.0)
    package98275 (1.0.0)
    package98276 (1.0.0)
    package98277 (1.0.0)
    package98278 (1.0.0)
    package98279 (1.0.0)
    package98280 (1.0.0)
    package98281 (1.0.0)
    package98282 (1.0.0)
    package98283 (1.0.0)
    package98284 (1.0.0)
    package98285 (1.0.0)
    package98286 (1.0.0)
    package98287 (1.0.0)
    package98288 (1.0.0)
    package98289 (1.0.0)
    package98290 (1.0.0)
    package98291 (1.0.0)
    package98292 (1.0.0)
    package98293 (1.0.0)
    package98294 (1.0.0)
    package98295 (1.0.0)
    package98296 (1.0.0)
    package98297 (1.0.0)
    package98298 (1.0.0)
    package98299 (1.0.0)
    package98300 (1.0.0)
    package98301 (1.0.0)
    package98302 (1.0.0)
    package98303 (1.0.0)
    package98304 (1.0.0)
    package98305 (1.0.0)
    package98306 (1.0.0)
    package98307 (1.0.0)
    package98308 (1.0.0)
    package98309 (1.0.0)
    package98310 (1.0.0)
    package98311 (1.0.0)
    package98312 (1.0.0)
    package98313 (1.0.0)
    package98314 (1.0.0)
    package98315 (1.0.0)
    package98316 (1.0.0)
    package98317 (1.0.0)
    package98318 (1.0.0)
    package98319 (1.0.0)
    package98320 (1.0.0)
    package98321 (1.0.0)
    package98322 (1.0.0)
    package98323 (1.0.0)
    package98324 (1.0.0)
    package98325 (1.0.0)
    package98326 (1.0.0)
    package98327 (1.0.0)
    package98328 (1.0.0)
    package98329 (1.0.0)
    package98330 (1.0.0)
    package98331 (1.0.0)
    package98332 (1.0.0)
    package98333 (1.0.0)
    package98334 (1.0.0)
    package98335 (1.0.0)
    package98336 (1.0.0)
    package98337 (1.0.0)
    package98338 (1.0.0)
    package98339 (1.0.0)
    package98340 (1.0.0)
    package98341 (1.0.0)
    package98342 (1.0.0)
    package98343 (1.0.0)
    package98344 (1.0.0)
    package98345 (1.0.0)
    package98346 (1.0.0)
    package98347 (1.0.0)
    package98348 (1.0.0)
    package98349 (1.0.0)
    package98350 (1.0.0)
    package98351 (1.0.0)
    package98352 (1.0.0)
    package98353 (1.0.0)
    package98354 (1.0.0)
    package98355 (1.0.0)
    package98356 (1.0.0)
    package98357 (1.0.0)
    package98358 (1.0.0)
    package98359 (1.0.0)
    package98360 (1.0.0)
    package98361 (1.0.0)
    package98362 (1.0.0)
    package98363 (1.0.0)
    package98364 (1.0.0)
    package98365 (1.0.0)
    package98366 (1.0.0)
    package98367 (1.0.0)
    package98368 (1.0.0)
    package98369 (1.0.0)
    package98370 (1.0.0)
    package98371 (1.0.0)
    package98372 (1.0.0)
    package98373 (1.0.0)
    package98374 (1.0.0)
    package98375 (1.0.0)
    package98376 (1.0.0)
    package98377 (1.0.0)
    package98378 (1.0.0)
    package98379 (1.0.0)
    package98380 (1.0.0)
    package98381 (1.0.0)
    package98382 (1.0.0)
    package98383 (1.0.0)
    package98384 (1.0.0)
    package98385 (1.0.0)
    package98386 (1.0.0)
    package98387 (1.0.0)
    package98388 (1.0.0)
    package98389 (1.0.0)
    package98390 (1.0.0)
    package98391 (1.0.0)
    package98392 (1.0.0)
    package98393 (1.0.0)
    package98394 (1.0.0)
    package98395 (1.0.0)
    package98396 (1.0.0)
    package98397 (1.0.0)
    package98398 (1.0.0)
    package98399 (1.0.0)
    package98400 (1.0.0)
    package98401 (1.0.0)
    package98402 (1.0.0)
    package98403 (1.0.0)
    package98404 (1.0.0)
    package98405 (1.0.0)
    package98406 (1.0.0)
    package98407 (1.0.0)
    package98408 (1.0.0)
    package98409 (1.0.0)
    package98410 (1.0.0)
    package98411 (1.0.0)
    package98412 (1.0.0)
    package98413 (1.0.0)
    package98414 (1.0.0)
    package98415 (1.0.0)
    package98416 (1.0.0)
    package98417 (1.0.0)
    package98418 (1.0.0)
    package98419 (1.0.0)
    package98420 (1.0.0)
    package98421 (1.0.0)
    package98422 (1.0.0)
    package98423 (1.0.0)
    package98424 (1.0.0)
    package98425 (1.0.0)
    package98426 (1.0.0)
    package98427 (1.0.0)
    package98428 (1.0.0)
    package98429 (1.0.0)
    package98430 (1.0.0)
    package98431 (1.0.0)
    package98432 (1.0.0)
    package98433 (1.0.0)
    package98434 (1.0.0)
    package98435 (1.0.0)
    package98436 (1.0.0)
    package98437 (1.0.0)
    package98438 (1.0.0)
    package98439 (1.0.0)
    package98440 (1.0.0)
    package98441 (1.0.0)
    package98442 (1.0.0)
    package98443 (1.0.0)
    package98444 (1.0.0)
    package98445 (1.0.0)
    package98446 (1.0.0)
    package98447 (1.0.0)
    package98448 (1.0.0)
    package98449 (1.0.0)
    package98450 (1.0.0)
    package98451 (1.0.0)
    package98452 (1.0.0)
    package98453 (1.0.0)
    package98454 (1.0.0)
    package98455 (1.0.0)
    package98456 (1.0.0)
    package98457 (1.0.0)
    package98458 (1.0.0)
    package98459 (1.0.0)
    package98460 (1.0.0)
    package98461 (1.0.0)
    package98462 (1.0.0)
    package98463 (1.0.0)
    package98464 (1.0.0)
    package98465 (1.0.0)
    package98466 (1.0.0)
    package98467 (1.0.0)
    package98468 (1.0.0)
    package98469 (1.0.0)
    package98470 (1.0.0)
    package98471 (1.0.0)
    package98472 (1.0.0)
    package98473 (1.0.0)
    package98474 (1.0.0)
    package98475 (1.0.0)
    package98476 (1.0.0)
    package98477 (1.0.0)
    package98478 (1.0.0)
    package98479 (1.0.0)
    package98480 (1.0.0)
    package98481 (1.0.0)
    package98482 (1.0.0)
    package98483 (1.0.0)
    package98484 (1.0.0)
    package98485 (1.0.0)
    package98486 (1.0.0)
    package98487 (1.0.0)
    package98488 (1.0.0)
    package98489 (1.0.0)
    package98490 (1.0.0)
    package98491 (1.0.0)
    package98492 (1.0.0)
    package98493 (1.0.0)
    package98494 (1.0.0)
    package98495 (1.0.0)
    package98496 (1.0.0)
    package98497 (1.0.0)
    package98498 (1.0.0)
    package98499 (1.0.0)
    package98500 (1.0.0)
    package98501 (1.0.0)
    package98502 (1.0.0)
    package98503 (1.0.0)
    package98504 (1.0.0)
    package98505 (1.0.0)
    package98506 (1.0.0)
    package98507 (1.0.0)
    package98508 (1.0.0)
    package98509 (1.0.0)
    package98510 (1.0.0)
    package98511 (1.0.0)
    package98512 (1.0.0)
    package98513 (1.0.0)
    package98514 (1.0.0)
    package98515 (1.0.0)
    package98516 (1.0.0)
    package98517 (1.0.0)
    package98518 (1.0.0)
    package98519 (1.0.0)
    package98520 (1.0.0)
    package98521 (1.0.0)
    package98522 (1.0.0)
    package98523 (1.0.0)
    package98524 (1.0.0)
    package98525 (1.0.0)
    package98526 (1.0.0)
    package98527 (1.0.0)
    package98528 (1.0.0)
    package98529 (1.0.0)
    package98530 (1.0.0)
    package98531 (1.0.0)
    package98532 (1.0.0)
    package98533 (1.0.0)
    package98534 (1.0.0)
    package98535 (1.0.0)
    package98536 (1.0.0)
    package98537 (1.0.0)
    package98538 (1.0.0)
    package98539 (1.0.0)
    package98540 (1.0.0)
    package98541 (1.0.0)
    package98542 (1.0.0)
    package98543 (1.0.0)
    package98544 (1.0.0)
    package98545 (1.0.0)
    package98546 (1.0.0)
    package98547 (1.0.0)
    package98548 (1.0.0)
    package98549 (1.0.0)
    package98550 (1.0.0)
    package98551 (1.0.0)
    package98552 (1.0.0)
    package98553 (1.0.0)
    package98554 (1.0.0)
    package98555 (1.0.0)
    package98556 (1.0.0)
    package98557 (1.0.0)
    package98558 (1.0.0)
    package98559 (1.0.0)
    package98560 (1.0.0)
    package98561 (1.0.0)
    package98562 (1.0.0)
    package98563 (1.0.0)
    package98564 (1.0.0)
    package98565 (1.0.0)
    package98566 (1.0.0)
    package98567 (1.0.0)
    package98568 (1.0.0)
    package98569 (1.0.0)
    package98570 (1.0.0)
    package98571 (1.0.0)
    package98572 (1.0.0)
    package98573 (1.0.0)
    package98574 (1.0.0)
    package98575 (1.0.0)
    package98576 (1.0.0)
    package98577 (1.0.0)
    package98578 (1.0.0)
    package98579 (1.0.0)
    package98580 (1.0.0)
    package98581 (1.0.0)
    package98582 (1.0.0)
    package98583 (1.0.0)
    package98584 (1.0.0)
    package98585 (1.0.0)
    package98586 (1.0.0)
    package98587 (1.0.0)
    package98588 (1.0.0)
    package98589 (1.0.0)
    package98590 (1.0.0)
    package98591 (1.0.0)
    package98592 (1.0.0)
    package98593 (1.0.0)
    package98594 (1.0.0)
    package98595 (1.0.0)
    package98596 (1.0.0)
    package98597 (1.0.0)
    package98598 (1.0.0)
    package98599 (1.0.0)
    package98600 (1.0.0)
    package98601 (1.0.0)
    package98602 (1.0.0)
    package98603 (1.0.0)
    package98604 (1.0.0)
    package98605 (1.0.0)
    package98606 (1.0.0)
    package98607 (1.0.0)
    package98608 (1.0.0)
    package98609 (1.0.0)
    package98610 (1.0.0)
    package98611 (1.0.0)
    package98612 (1.0.0)
    package98613 (1.0.0)
    package98614 (1.0.0)
    package98615 (1.0.0)
    package98616 (1.0.0)
    package98617 (1.0.0)
    package98618 (1.0.0)
    package98619 (1.0.0)
    package98620 (1.0.0)
    package98621 (1.0.0)
    package98622 (1.0.0)
    package98623 (1.0.0)
    package98624 (1.0.0)
    package98625 (1.0.0)
    package98626 (1.0.0)
    package98627 (1.0.0)
    package98628 (1.0.0)
    package98629 (1.0.0)
    package98630 (1.0.0)
    package98631 (1.0.0)
    package98632 (1.0.0)
    package98633 (1.0.0)
    package98634 (1.0.0)
    package98635 (1.0.0)
    package98636 (1.0.0)
    package98637 (1.0.0)
    package98638 (1.0.0)
    package98639 (1.0.0)
    package98640 (1.0.0)
    package98641 (1.0.0)
    package98642 (1.0.0)
    package98643 (1.0.0)
    package98644 (1.0.0)
    package98645 (1.0.0)
    package98646 (1.0.0)
    package98647 (1.0.0)
    package98648 (1.0.0)
    package98649 (1.0.0)
    package98650 (1.0.0)
    package98651 (1.0.0)
    package98652 (1.0.0)
    package98653 (1.0.0)
    package98654 (1.0.0)
    package98655 (1.0.0)
    package98656 (1.0.0)
    package98657 (1.0.0)
    package98658 (1.0.0)
    package98659 (1.0.0)
    package98660 (1.0.0)
    package98661 (1.0.0)
    package98662 (1.0.0)
    package98663 (1.0.0)
    package98664 (1.0.0)
    package98665 (1.0.0)
    package98666 (1.0.0)
    package98667 (1.0.0)
    package98668 (1.0.0)
    package98669 (1.0.0)
    package98670 (1.0.0)
    package98671 (1.0.0)
    package98672 (1.0.0)
    package98673 (1.0.0)
    package98674 (1.0.0)
    package98675 (1.0.0)
    package98676 (1.0.0)
    package98677 (1.0.0)
    package98678 (1.0.0)
    package98679 (1.0.0)
    package98680 (1.0.0)
    package98681 (1.0.0)
    package98682 (1.0.0)
    package98683 (1.0.0)
    package98684 (1.0.0)
    package98685 (1.0.0)
    package98686 (1.0.0)
    package98687 (1.0.0)
    package98688 (1.0.0)
    package98689 (1.0.0)
    package98690 (1.0.0)
    package98691 (1.0.0)
    package98692 (1.0.0)
    package98693 (1.0.0)
    package98694 (1.0.0)
    package98695 (1.0.0)
    package98696 (1.0.0)
    package98697 (1.0.0)
    package98698 (1.0.0)
    package98699 (1.0.0)
    package98700 (1.0.0)
    package98701 (1.0.0)
    package98702 (1.0.0)
    package98703 (1.0.0)
    package98704 (1.0.0)
    package98705 (1.0.0)
    package98706 (1.0.0)
    package98707 (1.0.0)
    package98708 (1.0.0)
    package98709 (1.0.0)
    package98710 (1.0.0)
    package98711 (1.0.0)
    package98712 (1.0.0)
    package98713 (1.0.0)
    package98714 (1.0.0)
    package98715 (1.0.0)
    package98716 (1.0.0)
    package98717 (1.0.0)
    package98718 (1.0.0)
    package98719 (1.0.0)
    package98720 (1.0.0)
    package98721 (1.0.0)
    package98722 (1.0.0)
    package98723 (1.0.0)
    package98724 (1.0.0)
    package98725 (1.0.0)
    package98726 (1.0.0)
    package98727 (1.0.0)
    package98728 (1.0.0)
    package98729 (1.0.0)
    package98730 (1.0.0)
    package98731 (1.0.0)
    package98732 (1.0.0)
    package98733 (1.0.0)
    package98734 (1.0.0)
    package98735 (1.0.0)
    package98736 (1.0.0)
    package98737 (1.0.0)
    package98738 (1.0.0)
    package98739 (1.0.0)
    package98740 (1.0.0)
    package98741 (1.0.0)
    package98742 (1.0.0)
    package98743 (1.0.0)
    package98744 (1.0.0)
    package98745 (1.0.0)
    package98746 (1.0.0)
    package98747 (1.0.0)
    package98748 (1.0.0)
    package98749 (1.0.0)
    package98750 (1.0.0)
    package98751 (1.0.0)
    package98752 (1.0.0)
    package98753 (1.0.0)
    package98754 (1.0.0)
    package98755 (1.0.0)
    package98756 (1.0.0)
    package98757 (1.0.0)
    package98758 (1.0.0)
    package98759 (1.0.0)
    package98760 (1.0.0)
    package98761 (1.0.0)
    package98762 (1.0.0)
    package98763 (1.0.0)
    package98764 (1.0.0)
    package98765 (1.0.0)
    package98766 (1.0.0)
    package98767 (1.0.0)
    package98768 (1.0.0)
    package98769 (1.0.0)
    package98770 (1.0.0)
    package98771 (1.0.0)
    package98772 (1.0.0)
    package98773 (1.0.0)
    package98774 (1.0.0)
    package98775 (1.0.0)
    package98776 (1.0.0)
    package98777 (1.0.0)
    package98778 (1.0.0)
    package98779 (1.0.0)
    package98780 (1.0.0)
    package98781 (1.0.0)
    package98782 (1.0.0)
    package98783 (1.0.0)
    package98784 (1.0.0)
    package98785 (1.0.0)
    package98786 (1.0.0)
    package98787 (1.0.0)
    package98788 (1.0.0)
    package98789 (1.0.0)
    package98790 (1.0.0)
    package98791 (1.0.0)
    package98792 (1.0.0)
    package98793 (1.0.0)
    package98794 (1.0.0)
    package98795 (1.0.0)
    package98796 (1.0.0)
    package98797 (1.0.0)
    package98798 (1.0.0)
    package98799 (1.0.0)
    package98800 (1.0.0)
    package98801 (1.0.0)
    package98802 (1.0.0)
    package98803 (1.0.0)
    package98804 (1.0.0)
    package98805 (1.0.0)
    package98806 (1.0.0)
    package98807 (1.0.0)
    package98808 (1.0.0)
    package98809 (1.0.0)
    package98810 (1.0.0)
    package98811 (1.0.0)
    package98812 (1.0.0)
    package98813 (1.0.0)
    package98814 (1.0.0)
    package98815 (1.0.0)
    package98816 (1.0.0)
    package98817 (1.0.0)
    package98818 (1.0.0)
    package98819 (1.0.0)
    package98820 (1.0.0)
    package98821 (1.0.0)
    package98822 (1.0.0)
    package98823 (1.0.0)
    package98824 (1.0.0)
    package98825 (1.0.0)
    package98826 (1.0.0)
    package98827 (1.0.0)
    package98828 (1.0.0)
    package98829 (1.0.0)
    package98830 (1.0.0)
    package98831 (1.0.0)
    package98832 (1.0.0)
    package98833 (1.0.0)
    package98834 (1.0.0)
    package98835 (1.0.0)
    package98836 (1.0.0)
    package98837 (1.0.0)
    package98838 (1.0.0)
    package98839 (1.0.0)
    package98840 (1.0.0)
    package98841 (1.0.0)
    package98842 (1.0.0)
    package98843 (1.0.0)
    package98844 (1.0.0)
    package98845 (1.0.0)
    package98846 (1.0.0)
    package98847 (1.0.0)
    package98848 (1.0.0)
    package98849 (1.0.0)
    package98850 (1.0.0)
    package98851 (1.0.0)
    package98852 (1.0.0)
    package98853 (1.0.0)
    package98854 (1.0.0)
    package98855 (1.0.0)
    package98856 (1.0.0)
    package98857 (1.0.0)
    package98858 (1.0.0)
    package98859 (1.0.0)
    package98860 (1.0.0)
    package98861 (1.0.0)
    package98862 (1.0.0)
    package98863 (1.0.0)
    package98864 (1.0.0)
    package98865 (1.0.0)
    package98866 (1.0.0)
    package98867 (1.0.0)
    package98868 (1.0.0)
    package98869 (1.0.0)
    package98870 (1.0.0)
    package98871 (1.0.0)
    package98872 (1.0.0)
    package98873 (1.0.0)
    package98874 (1.0.0)
    package98875 (1.0.0)
    package98876 (1.0.0)
    package98877 (1.0.0)
    package98878 (1.0.0)
    package98879 (1.0.0)
    package98880 (1.0.0)
    package98881 (1.0.0)
    package98882 (1.0.0)
    package98883 (1.0.0)
    package98884 (1.0.0)
    package98885 (1.0.0)
    package98886 (1.0.0)
    package98887 (1.0.0)
    package98888 (1.0.0)
    package98889 (1.0.0)
    package98890 (1.0.0)
    package98891 (1.0.0)
    package98892 (1.0.0)
    package98893 (1.0.0)
    package98894 (1.0.0)
    package98895 (1.0.0)
    package98896 (1.0.0)
    package98897 (1.0.0)
    package98898 (1.0.0)
    package98899 (1.0.0)
    package98900 (1.0.0)
    package98901 (1.0.0)
    package98902 (1.0.0)
    package98903 (1.0.0)
    package98904 (1.0.0)
    package98905 (1.0.0)
    package98906 (1.0.0)
    package98907 (1.0.0)
    package98908 (1.0.0)
    package98909 (1.0.0)
    package98910 (1.0.0)
    package98911 (1.0.0)
    package98912 (1.0.0)
    package98913 (1.0.0)
    package98914 (1.0.0)
    package98915 (1.0.0)
    package98916 (1.0.0)
    package98917 (1.0.0)
    package98918 (1.0.0)
    package98919 (1.0.0)
    package98920 (1.0.0)
    package98921 (1.0.0)
    package98922 (1.0.0)
    package98923 (1.0.0)
    package98924 (1.0.0)
    package98925 (1.0.0)
    package98926 (1.0.0)
    package98927 (1.0.0)
    package98928 (1.0.0)
    package98929 (1.0.0)
    package98930 (1.0.0)
    package98931 (1.0.0)
    package98932 (1.0.0)
    package98933 (1.0.0)
    package98934 (1.0.0)
    package98935 (1.0.0)
    package98936 (1.0.0)
    package98937 (1.0.0)
    package98938 (1.0.0)
    package98939 (1.0.0)
    package98940 (1.0.0)
    package98941 (1.0.0)
    package98942 (1.0.0)
    package98943 (1.0.0)
    package98944 (1.0.0)
    package98945 (1.0.0)
    package98946 (1.0.0)
    package98947 (1.0.0)
    package98948 (1.0.0)
    package98949 (1.0.0)
    package98950 (1.0.0)
    package98951 (1.0.0)
    package98952 (1.0.0)
    package98953 (1.0.0)
    package98954 (1.0.0)
    package98955 (1.0.0)
    package98956 (1.0.0)
    package98957 (1.0.0)
    package98958 (1.0.0)
    package98959 (1.0.0)
    package98960 (1.0.0)
    package98961 (1.0.0)
    package98962 (1.0.0)
    package98963 (1.0.0)
    package98964 (1.0.0)
    package98965 (1.0.0)
    package98966 (1.0.0)
    package98967 (1.0.0)
    package98968 (1.0.0)
    package98969 (1.0.0)
    package98970 (1.0.0)
    package98971 (1.0.0)
    package98972 (1.0.0)
    package98973 (1.0.0)
    package98974 (1.0.0)
    package98975 (1.0.0)
    package98976 (1.0.0)
    package98977 (1.0.0)
    package98978 (1.0.0)
    package98979 (1.0.0)
    package98980 (1.0.0)
    package98981 (1.0.0)
    package98982 (1.0.0)
    package98983 (1.0.0)
    package98984 (1.0.0)
    package98985 (1.0.0)
    package98986 (1.0.0)
    package98987 (1.0.0)
    package98988 (1.0.0)
    package98989 (1.0.0)
    package98990 (1.0.0)
    package98991 (1.0.0)
    package98992 (1.0.0)
    package98993 (1.0.0)
    package98994 (1.0.0)
    package98995 (1.0.0)
    package98996 (1.0.0)
    package98997 (1.0.0)
    package98998 (1.0.0)
    package98999 (1.0.0)
    package99000 (1.0.0)
    package99001 (1.0.0)
    package99002 (1.0.0)
    package99003 (1.0.0)
    package99004 (1.0.0)
    package99005 (1.0.0)
    package99006 (1.0.0)
    package99007 (1.0.0)
    package99008 (1.0.0)
    package99009 (1.0.0)
    package99010 (1.0.0)
    package99011 (1.0.0)
    package99012 (1.0.0)
    package99013 (1.0.0)
    package99014 (1.0.0)
    package99015 (1.0.0)
    package99016 (1.0.0)
    package99017 (1.0.0)
    package99018 (1.0.0)
    package99019 (1.0.0)
    package99020 (1.0.0)
    package99021 (1.0.0)
    package99022 (1.0.0)
    package99023 (1.0.0)
    package99024 (1.0.0)
    package99025 (1.0.0)
    package99026 (1.0.0)
    package99027 (1.0.0)
    package99028 (1.0.0)
    package99029 (1.0.0)
    package99030 (1.0.0)
    package99031 (1.0.0)
    package99032 (1.0.0)
    package99033 (1.0.0)
    package99034 (1.0.0)
    package99035 (1.0.0)
    package99036 (1.0.0)
    package99037 (1.0.0)
    package99038 (1.0.0)
    package99039 (1.0.0)
    package99040 (1.0.0)
    package99041 (1.0.0)
    package99042 (1.0.0)
    package99043 (1.0.0)
    package99044 (1.0.0)
    package99045 (1.0.0)
    package99046 (1.0.0)
    package99047 (1.0.0)
    package99048 (1.0.0)
    package99049 (1.0.0)
    package99050 (1.0.0)
    package99051 (1.0.0)
    package99052 (1.0.0)
    package99053 (1.0.0)
    package99054 (1.0.0)
    package99055 (1.0.0)
    package99056 (1.0.0)
    package99057 (1.0.0)
    package99058 (1.0.0)
    package99059 (1.0.0)
    package99060 (1.0.0)
    package99061 (1.0.0)
    package99062 (1.0.0)
    package99063 (1.0.0)
    package99064 (1.0.0)
    package99065 (1.0.0)
    package99066 (1.0.0)
    package99067 (1.0.0)
    package99068 (1.0.0)
    package99069 (1.0.0)
    package99070 (1.0.0)
    package99071 (1.0.0)
    package99072 (1.0.0)
    package99073 (1.0.0)
    package99074 (1.0.0)
    package99075 (1.0.0)
    package99076 (1.0.0)
    package99077 (1.0.0)
    package99078 (1.0.0)
    package99079 (1.0.0)
    package99080 (1.0.0)
    package99081 (1.0.0)
    package99082 (1.0.0)
    package99083 (1.0.0)
    package99084 (1.0.0)
    package99085 (1.0.0)
    package99086 (1.0.0)
    package99087 (1.0.0)
    package99088 (1.0.0)
    package99089 (1.0.0)
    package99090 (1.0.0)
    package99091 (1.0.0)
    package99092 (1.0.0)
    package99093 (1.0.0)
    package99094 (1.0.0)
    package99095 (1.0.0)
    package99096 (1.0.0)
    package99097 (1.0.0)
    package99098 (1.0.0)
    package99099 (1.0.0)
    package99100 (1.0.0)
    package99101 (1.0.0)
    package99102 (1.0.0)
    package99103 (1.0.0)
    package99104 (1.0.0)
    package99105 (1.0.0)
    package99106 (1.0.0)
    package99107 (1.0.0)
    package99108 (1.0.0)
    package99109 (1.0.0)
    package99110 (1.0.0)
    package99111 (1.0.0)
    package99112 (1.0.0)
    package99113 (1.0.0)
    package99114 (1.0.0)
    package99115 (1.0.0)
    package99116 (1.0.0)
    package99117 (1.0.0)
    package99118 (1.0.0)
    package99119 (1.0.0)
    package99120 (1.0.0)
    package99121 (1.0.0)
    package99122 (1.0.0)
    package99123 (1.0.0)
    package99124 (1.0.0)
    package99125 (1.0.0)
    package99126 (1.0.0)
    package99127 (1.0.0)
    package99128 (1.0.0)
    package99129 (1.0.0)
    package99130 (1.0.0)
    package99131 (1.0.0)
    package99132 (1.0.0)
    package99133 (1.0.0)
    package99134 (1.0.0)
    package99135 (1.0.0)
    package99136 (1.0.0)
    package99137 (1.0.0)
    package99138 (1.0.0)
    package99139 (1.0.0)
    package99140 (1.0.0)
    package99141 (1.0.0)
    package99142 (1.0.0)
    package99143 (1.0.0)
    package99144 (1.0.0)
    package99145 (1.0.0)
    package99146 (1.0.0)
    package99147 (1.0.0)
    package99148 (1.0.0)
    package99149 (1.0.0)
    package99150 (1.0.0)
    package99151 (1.0.0)
    package99152 (1.0.0)
    package99153 (1.0.0)
    package99154 (1.0.0)
    package99155 (1.0.0)
    package99156 (1.0.0)
    package99157 (1.0.0)
    package99158 (1.0.0)
    package99159 (1.0.0)
    package99160 (1.0.0)
    package99161 (1.0.0)
    package99162 (1.0.0)
    package99163 (1.0.0)
    package99164 (1.0.0)
    package99165 (1.0.0)
    package99166 (1.0.0)
    package99167 (1.0.0)
    package99168 (1.0.0)
    package99169 (1.0.0)
    package99170 (1.0.0)
    package99171 (1.0.0)
    package99172 (1.0.0)
    package99173 (1.0.0)
    package99174 (1.0.0)
    package99175 (1.0.0)
    package99176 (1.0.0)
    package99177 (1.0.0)
    package99178 (1.0.0)
    package99179 (1.0.0)
    package99180 (1.0.0)
    package99181 (1.0.0)
    package99182 (1.0.0)
    package99183 (1.0.0)
    package99184 (1.0.0)
    package99185 (1.0.0)
    package99186 (1.0.0)
    package99187 (1.0.0)
    package99188 (1.0.0)
    package99189 (1.0.0)
    package99190 (1.0.0)
    package99191 (1.0.0)
    package99192 (1.0.0)
    package99193 (1.0.0)
    package99194 (1.0.0)
    package99195 (1.0.0)
    package99196 (1.0.0)
    package99197 (1.0.0)
    package99198 (1.0.0)
    package99199 (1.0.0)
    package99200 (1.0.0)
    package99201 (1.0.0)
    package99202 (1.0.0)
    package99203 (1.0.0)
    package99204 (1.0.0)
    package99205 (1.0.0)
    package99206 (1.0.0)
    package99207 (1.0.0)
    package99208 (1.0.0)
    package99209 (1.0.0)
    package99210 (1.0.0)
    package99211 (1.0.0)
    package99212 (1.0.0)
    package99213 (1.0.0)
    package99214 (1.0.0)
    package99215 (1.0.0)
    package99216 (1.0.0)
    package99217 (1.0.0)
    package99218 (1.0.0)
    package99219 (1.0.0)
    package99220 (1.0.0)
    package99221 (1.0.0)
    package99222 (1.0.0)
    package99223 (1.0.0)
    package99224 (1.0.0)
    package99225 (1.0.0)
    package99226 (1.0.0)
    package99227 (1.0.0)
    package99228 (1.0.0)
    package99229 (1.0.0)
    package99230 (1.0.0)
    package99231 (1.0.0)
    package99232 (1.0.0)
    package99233 (1.0.0)
    package99234 (1.0.0)
    package99235 (1.0.0)
    package99236 (1.0.0)
    package99237 (1.0.0)
    package99238 (1.0.0)
    package99239 (1.0.0)
    package99240 (1.0.0)
    package99241 (1.0.0)
    package99242 (1.0.0)
    package99243 (1.0.0)
    package99244 (1.0.0)
    package99245 (1.0.0)
    package99246 (1.0.0)
    package99247 (1.0.0)
    package99248 (1.0.0)
    package99249 (1.0.0)
    package99250 (1.0.0)
    package99251 (1.0.0)
    package99252 (1.0.0)
    package99253 (1.0.0)
    package99254 (1.0.0)
    package99255 (1.0.0)
    package99256 (1.0.0)
    package99257 (1.0.0)
    package99258 (1.0.0)
    package99259 (1.0.0)
    package99260 (1.0.0)
    package99261 (1.0.0)
    package99262 (1.0.0)
    package99263 (1.0.0)
    package99264 (1.0.0)
    package99265 (1.0.0)
    package99266 (1.0.0)
    package99267 (1.0.0)
    package99268 (1.0.0)
    package99269 (1.0.0)
    package99270 (1.0.0)
    package99271 (1.0.0)
    package99272 (1.0.0)
    package99273 (1.0.0)
    package99274 (1.0.0)
    package99275 (1.0.0)
    package99276 (1.0.0)
    package99277 (1.0.0)
    package99278 (1.0.0)
    package99279 (1.0.0)
    package99280 (1.0.0)
    package99281 (1.0.0)
    package99282 (1.0.0)
    package99283 (1.0.0)
    package99284 (1.0.0)
    package99285 (1.0.0)
    package99286 (1.0.0)
    package99287 (1.0.0)
    package99288 (1.0.0)
    package99289 (1.0.0)
    package99290 (1.0.0)
    package99291 (1.0.0)
    package99292 (1.0.0)
    package99293 (1.0.0)
    package99294 (1.0.0)
    package99295 (1.0.0)
    package99296 (1.0.0)
    package99297 (1.0.0)
    package99298 (1.0.0)
    package99299 (1.0.0)
    package99300 (1.0.0)
    package99301 (1.0.0)
    package99302 (1.0.0)
    package99303 (1.0.0)
    package99304 (1.0.0)
    package99305 (1.0.0)
    package99306 (1.0.0)
    package99307 (1.0.0)
    package99308 (1.0.0)
    package99309 (1.0.0)
    package99310 (1.0.0)
    package99311 (1.0.0)
    package99312 (1.0.0)
    package99313 (1.0.0)
    package99314 (1.0.0)
    package99315 (1.0.0)
    package99316 (1.0.0)
    package99317 (1.0.0)
    package99318 (1.0.0)
    package99319 (1.0.0)
    package99320 (1.0.0)
    package99321 (1.0.0)
    package99322 (1.0.0)
    package99323 (1.0.0)
    package99324 (1.0.0)
    package99325 (1.0.0)
    package99326 (1.0.0)
    package99327 (1.0.0)
    package99328 (1.0.0)
    package99329 (1.0.0)
    package99330 (1.0.0)
    package99331 (1.0.0)
    package99332 (1.0.0)
    package99333 (1.0.0)
    package99334 (1.0.0)
    package99335 (1.0.0)
    package99336 (1.0.0)
    package99337 (1.0.0)
    package99338 (1.0.0)
    package99339 (1.0.0)
    package99340 (1.0.0)
    package99341 (1.0.0)
    package99342 (1.0.0)
    package99343 (1.0.0)
    package99344 (1.0.0)
    package99345 (1.0.0)
    package99346 (1.0.0)
    package99347 (1.0.0)
    package99348 (1.0.0)
    package99349 (1.0.0)
    package99350 (1.0.0)
    package99351 (1.0.0)
    package99352 (1.0.0)
    package99353 (1.0.0)
    package99354 (1.0.0)
    package99355 (1.0.0)
    package99356 (1.0.0)
    package99357 (1.0.0)
    package99358 (1.0.0)
    package99359 (1.0.0)
    package99360 (1.0.0)
    package99361 (1.0.0)
    package99362 (1.0.0)
    package99363 (1.0.0)
    package99364 (1.0.0)
    package99365 (1.0.0)
    package99366 (1.0.0)
    package99367 (1.0.0)
    package99368 (1.0.0)
    package99369 (1.0.0)
    package99370 (1.0.0)
    package99371 (1.0.0)
    package99372 (1.0.0)
    package99373 (1.0.0)
    package99374 (1.0.0)
    package99375 (1.0.0)
    package99376 (1.0.0)
    package99377 (1.0.0)
    package99378 (1.0.0)
    package99379 (1.0.0)
    package99380 (1.0.0)
    package99381 (1.0.0)
    package99382 (1.0.0)
    package99383 (1.0.0)
    package99384 (1.0.0)
    package99385 (1.0.0)
    package99386 (1.0.0)
    package99387 (1.0.0)
    package99388 (1.0.0)
    package99389 (1.0.0)
    package99390 (1.0.0)
    package99391 (1.0.0)
    package99392 (1.0.0)
    package99393 (1.0.0)
    package99394 (1.0.0)
    package99395 (1.0.0)
    package99396 (1.0.0)
    package99397 (1.0.0)
    package99398 (1.0.0)
    package99399 (1.0.0)
    package99400 (1.0.0)
    package99401 (1.0.0)
    package99402 (1.0.0)
    package99403 (1.0.0)
    package99404 (1.0.0)
    package99405 (1.0.0)
    package99406 (1.0.0)
    package99407 (1.0.0)
    package99408 (1.0.0)
    package99409 (1.0.0)
    package99410 (1.0.0)
    package99411 (1.0.0)
    package99412 (1.0.0)
    package99413 (1.0.0)
    package99414 (1.0.0)
    package99415 (1.0.0)
    package99416 (1.0.0)
    package99417 (1.0.0)
    package99418 (1.0.0)
    package99419 (1.0.0)
    package99420 (1.0.0)
    package99421 (1.0.0)
    package99422 (1.0.0)
    package99423 (1.0.0)
    package99424 (1.0.0)
    package99425 (1.0.0)
    package99426 (1.0.0)
    package99427 (1.0.0)
    package99428 (1.0.0)
    package99429 (1.0.0)
    package99430 (1.0.0)
    package99431 (1.0.0)
    package99432 (1.0.0)
    package99433 (1.0.0)
    package99434 (1.0.0)
    package99435 (1.0.0)
    package99436 (1.0.0)
    package99437 (1.0.0)
    package99438 (1.0.0)
    package99439 (1.0.0)
    package99440 (1.0.0)
    package99441 (1.0.0)
    package99442 (1.0.0)
    package99443 (1.0.0)
    package99444 (1.0.0)
    package99445 (1.0.0)
    package99446 (1.0.0)
    package99447 (1.0.0)
    package99448 (1.0.0)
    package99449 (1.0.0)
    package99450 (1.0.0)
    package99451 (1.0.0)
    package99452 (1.0.0)
    package99453 (1.0.0)
    package99454 (1.0.0)
    package99455 (1.0.0)
    package99456 (1.0.0)
    package99457 (1.0.0)
    package99458 (1.0.0)
    package99459 (1.0.0)
    package99460 (1.0.0)
    package99461 (1.0.0)
    package99462 (1.0.0)
    package99463 (1.0.0)
    package99464 (1.0.0)
    package99465 (1.0.0)
    package99466 (1.0.0)
    package99467 (1.0.0)
    package99468 (1.0.0)
    package99469 (1.0.0)
    package99470 (1.0.0)
    package99471 (1.0.0)
    package99472 (1.0.0)
    package99473 (1.0.0)
    package99474 (1.0.0)
    package99475 (1.0.0)
    package99476 (1.0.0)
    package99477 (1.0.0)
    package99478 (1.0.0)
    package99479 (1.0.0)
    package99480 (1.0.0)
    package99481 (1.0.0)
    package99482 (1.0.0)
    package99483 (1.0.0)
    package99484 (1.0.0)
    package99485 (1.0.0)
    package99486 (1.0.0)
    package99487 (1.0.0)
    package99488 (1.0.0)
    package99489 (1.0.0)
    package99490 (1.0.0)
    package99491 (1.0.0)
    package99492 (1.0.0)
    package99493 (1.0.0)
    package99494 (1.0.0)
    package99495 (1.0.0)
    package99496 (1.0.0)
    package99497 (1.0.0)
    package99498 (1.0.0)
    package99499 (1.0.0)
    package99500 (1.0.0)
    package99501 (1.0.0)
    package99502 (1.0.0)
    package99503 (1.0.0)
    package99504 (1.0.0)
    package99505 (1.0.0)
    package99506 (1.0.0)
    package99507 (1.0.0)
    package99508 (1.0.0)
    package99509 (1.0.0)
    package99510 (1.0.0)
    package99511 (1.0.0)
    package99512 (1.0.0)
    package99513 (1.0.0)
    package99514 (1.0.0)
    package99515 (1.0.0)
    package99516 (1.0.0)
    package99517 (1.0.0)
    package99518 (1.0.0)
    package99519 (1.0.0)
    package99520 (1.0.0)
    package99521 (1.0.0)
    package99522 (1.0.0)
    package99523 (1.0.0)
    package99524 (1.0.0)
    package99525 (1.0.0)
    package99526 (1.0.0)
    package99527 (1.0.0)
    package99528 (1.0.0)
    package99529 (1.0.0)
    package99530 (1.0.0)
    package99531 (1.0.0)
    package99532 (1.0.0)
    package99533 (1.0.0)
    package99534 (1.0.0)
    package99535 (1.0.0)
    package99536 (1.0.0)
    package99537 (1.0.0)
    package99538 (1.0.0)
    package99539 (1.0.0)
    package99540 (1.0.0)
    package99541 (1.0.0)
    package99542 (1.0.0)
    package99543 (1.0.0)
    package99544 (1.0.0)
    package99545 (1.0.0)
    package99546 (1.0.0)
    package99547 (1.0.0)
    package99548 (1.0.0)
    package99549 (1.0.0)
    package99550 (1.0.0)
    package99551 (1.0.0)
    package99552 (1.0.0)
    package99553 (1.0.0)
    package99554 (1.0.0)
    package99555 (1.0.0)
    package99556 (1.0.0)
    package99557 (1.0.0)
    package99558 (1.0.0)
    package99559 (1.0.0)
    package99560 (1.0.0)
    package99561 (1.0.0)
    package99562 (1.0.0)
    package99563 (1.0.0)
    package99564 (1.0.0)
    package99565 (1.0.0)
    package99566 (1.0.0)
    package99567 (1.0.0)
    package99568 (1.0.0)
    package99569 (1.0.0)
    package99570 (1.0.0)
    package99571 (1.0.0)
    package99572 (1.0.0)
    package99573 (1.0.0)
    package99574 (1.0.0)
    package99575 (1.0.0)
    package99576 (1.0.0)
    package99577 (1.0.0)
    package99578 (1.0.0)
    package99579 (1.0.0)
    package99580 (1.0.0)
    package99581 (1.0.0)
    package99582 (1.0.0)
    package99583 (1.0.0)
    package99584 (1.0.0)
    package99585 (1.0.0)
    package99586 (1.0.0)
    package99587 (1.0.0)
    package99588 (1.0.0)
    package99589 (1.0.0)
    package99590 (1.0.0)
    package99591 (1.0.0)
    package99592 (1.0.0)
    package99593 (1.0.0)
    package99594 (1.0.0)
    package99595 (1.0.0)
    package99596 (1.0.0)
    package99597 (1.0.0)
    package99598 (1.0.0)
    package99599 (1.0.0)
    package99600 (1.0.0)
    package99601 (1.0.0)
    package99602 (1.0.0)
    package99603 (1.0.0)
    package99604 (1.0.0)
    package99605 (1.0.0)
    package99606 (1.0.0)
    package99607 (1.0.0)
    package99608 (1.0.0)
    package99609 (1.0.0)
    package99610 (1.0.0)
    package99611 (1.0.0)
    package99612 (1.0.0)
    package99613 (1.0.0)
    package99614 (1.0.0)
    package99615 (1.0.0)
    package99616 (1.0.0)
    package99617 (1.0.0)
    package99618 (1.0.0)
    package99619 (1.0.0)
    package99620 (1.0.0)
    package99621 (1.0.0)
    package99622 (1.0.0)
    package99623 (1.0.0)
    package99624 (1.0.0)
    package99625 (1.0.0)
    package99626 (1.0.0)
    package99627 (1.0.0)
    package99628 (1.0.0)
    package99629 (1.0.0)
    package99630 (1.0.0)
    package99631 (1.0.0)
    package99632 (1.0.0)
    package99633 (1.0.0)
    package99634 (1.0.0)
    package99635 (1.0.0)
    package99636 (1.0.0)
    package99637 (1.0.0)
    package99638 (1.0.0)
    package99639 (1.0.0)
    package99640 (1.0.0)
    package99641 (1.0.0)
    package99642 (1.0.0)
    package99643 (1.0.0)
    package99644 (1.0.0)
    package99645 (1.0.0)
    package99646 (1.0.0)
    package99647 (1.0.0)
    package99648 (1.0.0)
    package99649 (1.0.0)
    package99650 (1.0.0)
    package99651 (1.0.0)
    package99652 (1.0.0)
    package99653 (1.0.0)
    package99654 (1.0.0)
    package99655 (1.0.0)
    package99656 (1.0.0)
    package99657 (1.0.0)
    package99658 (1.0.0)
    package99659 (1.0.0)
    package99660 (1.0.0)
    package99661 (1.0.0)
    package99662 (1.0.0)
    package99663 (1.0.0)
    package99664 (1.0.0)
    package99665 (1.0.0)
    package99666 (1.0.0)
    package99667 (1.0.0)
    package99668 (1.0.0)
    package99669 (1.0.0)
    package99670 (1.0.0)
    package99671 (1.0.0)
    package99672 (1.0.0)
    package99673 (1.0.0)
    package99674 (1.0.0)
    package99675 (1.0.0)
    package99676 (1.0.0)
    package99677 (1.0.0)
    package99678 (1.0.0)
    package99679 (1.0.0)
    package99680 (1.0.0)
    package99681 (1.0.0)
    package99682 (1.0.0)
    package99683 (1.0.0)
    package99684 (1.0.0)
    package99685 (1.0.0)
    package99686 (1.0.0)
    package99687 (1.0.0)
    package99688 (1.0.0)
    package99689 (1.0.0)
    package99690 (1.0.0)
    package99691 (1.0.0)
    package99692 (1.0.0)
    package99693 (1.0.0)
    package99694 (1.0.0)
    package99695 (1.0.0)
    package99696 (1.0.0)
    package99697 (1.0.0)
    package99698 (1.0.0)
    package99699 (1.0.0)
    package99700 (1.0.0)
    package99701 (1.0.0)
    package99702 (1.0.0)
    package99703 (1.0.0)
    package99704 (1.0.0)
    package99705 (1.0.0)
    package99706 (1.0.0)
    package99707 (1.0.0)
    package99708 (1.0.0)
    package99709 (1.0.0)
    package99710 (1.0.0)
    package99711 (1.0.0)
    package99712 (1.0.0)
    package99713 (1.0.0)
    package99714 (1.0.0)
    package99715 (1.0.0)
    package99716 (1.0.0)
    package99717 (1.0.0)
    package99718 (1.0.0)
    package99719 (1.0.0)
    package99720 (1.0.0)
    package99721 (1.0.0)
    package99722 (1.0.0)
    package99723 (1.0.0)
    package99724 (1.0.0)
    package99725 (1.0.0)
    package99726 (1.0.0)
    package99727 (1.0.0)
    package99728 (1.0.0)
    package99729 (1.0.0)
    package99730 (1.0.0)
    package99731 (1.0.0)
    package99732 (1.0.0)
    package99733 (1.0.0)
    package99734 (1.0.0)
    package99735 (1.0.0)
    package99736 (1.0.0)
    package99737 (1.0.0)
    package99738 (1.0.0)
    package99739 (1.0.0)
    package99740 (1.0.0)
    package99741 (1.0.0)
    package99742 (1.0.0)
    package99743 (1.0.0)
    package99744 (1.0.0)
    package99745 (1.0.0)
    package99746 (1.0.0)
    package99747 (1.0.0)
    package99748 (1.0.0)
    package99749 (1.0.0)
    package99750 (1.0.0)
    package99751 (1.0.0)
    package99752 (1.0.0)
    package99753 (1.0.0)
    package99754 (1.0.0)
    package99755 (1.0.0)
    package99756 (1.0.0)
    package99757 (1.0.0)
    package99758 (1.0.0)
    package99759 (1.0.0)
    package99760 (1.0.0)
    package99761 (1.0.0)
    package99762 (1.0.0)
    package99763 (1.0.0)
    package99764 (1.0.0)
    package99765 (1.0.0)
    package99766 (1.0.0)
    package99767 (1.0.0)
    package99768 (1.0.0)
    package99769 (1.0.0)
    package99770 (1.0.0)
    package99771 (1.0.0)
    package99772 (1.0.0)
    package99773 (1.0.0)
    package99774 (1.0.0)
    package99775 (1.0.0)
    package99776 (1.0.0)
    package99777 (1.0.0)
    package99778 (1.0.0)
    package99779 (1.0.0)
    package99780 (1.0.0)
    package99781 (1.0.0)
    package99782 (1.0.0)
    package99783 (1.0.0)
    package99784 (1.0.0)
    package99785 (1.0.0)
    package99786 (1.0.0)
    package99787 (1.0.0)
    package99788 (1.0.0)
    package99789 (1.0.0)
    package99790 (1.0.0)
    package99791 (1.0.0)
    package99792 (1.0.0)
    package99793 (1.0.0)
    package99794 (1.0.0)
    package99795 (1.0.0)
    package99796 (1.0.0)
    package99797 (1.0.0)
    package99798 (1.0.0)
    package99799 (1.0.0)
    package99800 (1.0.0)
    package99801 (1.0.0)
    package99802 (1.0.0)
    package99803 (1.0.0)
    package99804 (1.0.0)
    package99805 (1.0.0)
    package99806 (1.0.0)
    package99807 (1.0.0)
    package99808 (1.0.0)
    package99809 (1.0.0)
    package99810 (1.0.0)
    package99811 (1.0.0)
    package99812 (1.0.0)
    package99813 (1.0.0)
    package99814 (1.0.0)
    package99815 (1.0.0)
    package99816 (1.0.0)
    package99817 (1.0.0)
    package99818 (1.0.0)
    package99819 (1.0.0)
    package99820 (1.0.0)
    package99821 (1.0.0)
    package99822 (1.0.0)
    package99823 (1.0.0)
    package99824 (1.0.0)
    package99825 (1.0.0)
    package99826 (1.0.0)
    package99827 (1.0.0)
    package99828 (1.0.0)
    package99829 (1.0.0)
    package99830 (1.0.0)
    package99831 (1.0.0)
    package99832 (1.0.0)
    package99833 (1.0.0)
    package99834 (1.0.0)
    package99835 (1.0.0)
    package99836 (1.0.0)
    package99837 (1.0.0)
    package99838 (1.0.0)
    package99839 (1.0.0)
    package99840 (1.0.0)
    package99841 (1.0.0)
    package99842 (1.0.0)
    package99843 (1.0.0)
    package99844 (1.0.0)
    package99845 (1.0.0)
    package99846 (1.0.0)
    package99847 (1.0.0)
    package99848 (1.0.0)
    package99849 (1.0.0)
    package99850 (1.0.0)
    package99851 (1.0.0)
    package99852 (1.0.0)
    package99853 (1.0.0)
    package99854 (1.0.0)
    package99855 (1.0.0)
    package99856 (1.0.0)
    package99857 (1.0.0)
    package99858 (1.0.0)
    package99859 (1.0.0)
    package99860 (1.0.0)
    package99861 (1.0.0)
    package99862 (1.0.0)
    package99863 (1.0.0)
    package99864 (1.0.0)
    package99865 (1.0.0)
    package99866 (1.0.0)
    package99867 (1.0.0)
    package99868 (1.0.0)
    package99869 (1.0.0)
    package99870 (1.0.0)
    package99871 (1.0.0)
    package99872 (1.0.0)
    package99873 (1.0.0)
    package99874 (1.0.0)
    package99875 (1.0.0)
    package99876 (1.0.0)
    package99877 (1.0.0)
    package99878 (1.0.0)
    package99879 (1.0.0)
    package99880 (1.0.0)
    package99881 (1.0.0)
    package99882 (1.0.0)
    package99883 (1.0.0)
    package99884 (1.0.0)
    package99885 (1.0.0)
    package99886 (1.0.0)
    package99887 (1.0.0)
    package99888 (1.0.0)
    package99889 (1.0.0)
    package99890 (1.0.0)
    package99891 (1.0.0)
    package99892 (1.0.0)
    package99893 (1.0.0)
    package99894 (1.0.0)
    package99895 (1.0.0)
    package99896 (1.0.0)
    package99897 (1.0.0)
    package99898 (1.0.0)
    package99899 (1.0.0)
    package99900 (1.0.0)
    package99901 (1.0.0)
    package99902 (1.0.0)
    package99903 (1.0.0)
    package99904 (1.0.0)
    package99905 (1.0.0)
    package99906 (1.0.0)
    package99907 (1.0.0)
    package99908 (1.0.0)
    package99909 (1.0.0)
    package99910 (1.0.0)
    package99911 (1.0.0)
    package99912 (1.0.0)
    package99913 (1.0.0)
    package99914 (1.0.0)
    package99915 (1.0.0)
    package99916 (1.0.0)
    package99917 (1.0.0)
    package99918 (1.0.0)
    package99919 (1.0.0)
    package99920 (1.0.0)
    package99921 (1.0.0)
    package99922 (1.0.0)
    package99923 (1.0.0)
    package99924 (1.0.0)
    package99925 (1.0.0)
    package99926 (1.0.0)
    package99927 (1.0.0)
    package99928 (1.0.0)
    package99929 (1.0.0)
    ast (2.4.2)
    coderay (1.1.3)
    concurrent-ruby (1.1.9)
    docile (1.3.2)
    i18n (1.8.11)
      concurrent-ruby (~> 1.0)
    json (2.3.0)
    method_source (1.0.0)
    minitest (5.15.0)
    parallel (1.21.0)
    parser (3.1.0.0)
      ast (~> 2.4.1)
    power_assert (2.0.1)
    pry (0.14.1)
      coderay (~> 1.1)
      method_source (~> 1.0)
    rainbow (3.1.1)
    rake (13.0.6)
    regexp_parser (2.2.0)
    rexml (3.2.5)
    rubocop (1.25.0)
      parallel (~> 1.10)
      parser (>= 3.1.0.0)
      rainbow (>= 2.2.2, < 4.0)
      regexp_parser (>= 1.8, < 3.0)
      rexml
      rubocop-ast (>= 1.15.1, < 2.0)
      ruby-progressbar (~> 1.7)
      unicode-display_width (>= 1.4.0, < 3.0)
    rubocop-ast (1.15.1)
      parser (>= 3.0.1.1)
    ruby-progressbar (1.11.0)
    simplecov (0.17.1)
      docile (~> 1.1)
      json (>= 1.8, < 3)
      simplecov-html (~> 0.10.0)
    simplecov-html (0.10.2)
    test-unit (3.5.3)
      power_assert
    timecop (0.9.4)
    unicode-display_width (2.1.0)
    webrick (1.7.0)
    yard (0.9.27)
      webrick (~> 1.7.0)

PLATFORMS
  ruby

DEPENDENCIES
  faker!
  minitest (= 5.15.0)
  pry (= 0.14.1)
  rake (= 13.0.6)
  rubocop (= 1.25.0)
  simplecov (= 0.17.1, < 0.18)
  test-unit (= 3.5.3)
  timecop (= 0.9.4)
  yard (= 0.9.27)

BUNDLED WITH
   2.1.4