PATH
  remote: .
  specs:
    faker (2.20.0)
      i18n (>= 1.8.11, < 2)

GEM
  remote: https://rubygems.org/
  specs:
    package0 (1.0.0)
    package1 (1.0.0)
    package2 (1.0.0)
    package3 (1.0.0)
    package4 (1.0.0)
    package5 (1.0.0)
    package6 (1.0.0)
    package7 (1.0.0)
    package8 (1.0.0)
    package9 (1.0.0)
    package10 (1.0.0)
    package11 (1.0.0)
    package12 (1.0.0)
    package13 (1.0.0)
    package14 (1.0.0)
    package15 (1.0.0)
    package16 (1.0.0)
    package17 (1.0.0)
    package18 (1.0.0)
    package19 (1.0.0)
    package20 (1.0.0)
    package21 (1.0.0)
    package22 (1.0.0)
    package23 (1.0.0)
    package24 (1.0.0)
    package25 (1.0.0)
    package26 (1.0.0)
    package27 (1.0.0)
    package28 (1.0.0)
    package29 (1.0.0)
    package30 (1.0.0)
    package31 (1.0.0)
    package32 (1.0.0)
    package33 (1.0.0)
    package34 (1.0.0)
    package35 (1.0.0)
    package36 (1.0.0)
    package37 (1.0.0)
    package38 (1.0.0)
    package39 (1.0.0)
    package40 (1.0.0)
    package41 (1.0.0)
    package42 (1.0.0)
    package43 (1.0.0)
    package44 (1.0.0)
    package45 (1.0.0)
    package46 (1.0.0)
    package47 (1.0.0)
    package48 (1.0.0)
    package49 (1.0.0)
    package50 (1.0.0)
    package51 (1.0.0)
    package52 (1.0.0)
    package53 (1.0.0)
    package54 (1.0.0)
    package55 (1.0.0)
    package56 (1.0.0)
    package57 (1.0.0)
    package58 (1.0.0)
    package59 (1.0.0)
    package60 (1.0.0)
    package61 (1.0.0)
    package62 (1.0.0)
    package63 (1.0.0)
    package64 (1.0.0)
    package65 (1.0.0)
    package66 (1.0.0)
    package67 (1.0.0)
    package68 (1.0.0)
    package69 (1.0.0)
    package70 (1.0.0)
    package71 (1.0.0)
    package72 (1.0.0)
    package73 (1.0.0)
    package74 (1.0.0)
    package75 (1.0.0)
    package76 (1.0.0)
    package77 (1.0.0)
    package78 (1.0.0)
    package79 (1.0.0)
    package80 (1.0.0)
    package81 (1.0.0)
    package82 (1.0.0)
    package83 (1.0.0)
    package84 (1.0.0)
    package85 (1.0.0)
    package86 (1.0.0)
    package87 (1.0.0)
    package88 (1.0.0)
    package89 (1.0.0)
    package90 (1.0.0)
    package91 (1.0.0)
    package92 (1.0.0)
    package93 (1.0.0)
    package94 (1.0.0)
    package95 (1.0.0)
    package96 (1.0.0)
    package97 (1.0.0)
    package98 (1.0.0)
    package99 (1.0.0)
    package100 (1.0.0)
    package101 (1.0.0)
    package102 (1.0.0)
    package103 (1.0.0)
    package104 (1.0.0)
    package105 (1.0.0)
    package106 (1.0.0)
    package107 (1.0.0)
    package108 (1.0.0)
    package109 (1.0.0)
    package110 (1.0.0)
    package111 (1.0.0)
    package112 (1.0.0)
    package113 (1.0.0)
    package114 (1.0.0)
    package115 (1.0.0)
    package116 (1.0.0)
    package117 (1.0.0)
    package118 (1.0.0)
    package119 (1.0.0)
    package120 (1.0.0)
    package121 (1.0.0)
    package122 (1.0.0)
    package123 (1.0.0)
    package124 (1.0.0)
    package125 (1.0.0)
    package126 (1.0.0)
    package127 (1.0.0)
    package128 (1.0.0)
    package129 (1.0.0)
    package130 (1.0.0)
    package131 (1.0.0)
    package132 (1.0.0)
    package133 (1.0.0)
    package134 (1.0.0)
    package135 (1.0.0)
    package136 (1.0.0)
    package137 (1.0.0)
    package138 (1.0.0)
    package139 (1.0.0)
    package140 (1.0.0)
    package141 (1.0.0)
    package142 (1.0.0)
    package143 (1.0.0)
    package144 (1.0.0)
    package145 (1.0.0)
    package146 (1.0.0)
    package147 (1.0.0)
    package148 (1.0.0)
    package149 (1.0.0)
    package150 (1.0.0)
    package151 (1.0.0)
    package152 (1.0.0)
    package153 (1.0.0)
    package154 (1.0.0)
    package155 (1.0.0)
    package156 (1.0.0)
    package157 (1.0.0)
    package158 (1.0.0)
    package159 (1.0.0)
    package160 (1.0.0)
    package161 (1.0.0)
    package162 (1.0.0)
    package163 (1.0.0)
    package164 (1.0.0)
    package165 (1.0.0)
    package166 (1.0.0)
    package167 (1.0.0)
    package168 (1.0.0)
    package169 (1.0.0)
    package170 (1.0.0)
    package171 (1.0.0)
    package172 (1.0.0)
    package173 (1.0.0)
    package174 (1.0.0)
    package175 (1.0.0)
    package176 (1.0.0)
    package177 (1.0.0)
    package178 (1.0.0)
    package179 (1.0.0)
    package180 (1.0.0)
    package181 (1.0.0)
    package182 (1.0.0)
    package183 (1.0.0)
    package184 (1.0.0)
    package185 (1.0.0)
    package186 (1.0.0)
    package187 (1.0.0)
    package188 (1.0.0)
    package189 (1.0.0)
    package190 (1.0.0)
    package191 (1.0.0)
    package192 (1.0.0)
    package193 (1.0.0)
    package194 (1.0.0)
    package195 (1.0.0)
    package196 (1.0.0)
    package197 (1.0.0)
    package198 (1.0.0)
    package199 (1.0.0)
    package200 (1.0.0)
    package201 (1.0.0)
    package202 (1.0.0)
    package203 (1.0.0)
    package204 (1.0.0)
    package205 (1.0.0)
    package206 (1.0.0)
    package207 (1.0.0)
    package208 (1.0.0)
    package209 (1.0.0)
    package210 (1.0.0)
    package211 (1.0.0)
    package212 (1.0.0)
    package213 (1.0.0)
    package214 (1.0.0)
    package215 (1.0.0)
    package216 (1.0.0)
    package217 (1.0.0)
    package218 (1.0.0)
    package219 (1.0.0)
    package220 (1.0.0)
    package221 (1.0.0)
    package222 (1.0.0)
    package223 (1.0.0)
    package224 (1.0.0)
    package225 (1.0.0)
    package226 (1.0.0)
    package227 (1.0.0)
    package228 (1.0.0)
    package229 (1.0.0)
    package230 (1.0.0)
    package231 (1.0.0)
    package232 (1.0.0)
    package233 (1.0.0)
    package234 (1.0.0)
    package235 (1.0.0)
    package236 (1.0.0)
    package237 (1.0.0)
    package238 (1.0.0)
    package239 (1.0.0)
    package240 (1.0.0)
    package241 (1.0.0)
    package242 (1.0.0)
    package243 (1.0.0)
    package244 (1.0.0)
    package245 (1.0.0)
    package246 (1.0.0)
    package247 (1.0.0)
    package248 (1.0.0)
    package249 (1.0.0)
    package250 (1.0.0)
    package251 (1.0.0)
    package252 (1.0.0)
    package253 (1.0.0)
    package254 (1.0.0)
    package255 (1.0.0)
    package256 (1.0.0)
    package257 (1.0.0)
    package258 (1.0.0)
    package259 (1.0.0)
    package260 (1.0.0)
    package261 (1.0.0)
    package262 (1.0.0)
    package263 (1.0.0)
    package264 (1.0.0)
    package265 (1.0.0)
    package266 (1.0.0)
    package267 (1.0.0)
    package268 (1.0.0)
    package269 (1.0.0)
    package270 (1.0.0)
    package271 (1.0.0)
    package272 (1.0.0)
    package273 (1.0.0)
    package274 (1.0.0)
    package275 (1.0.0)
    package276 (1.0.0)
    package277 (1.0.0)
    package278 (1.0.0)
    package279 (1.0.0)
    package280 (1.0.0)
    package281 (1.0.0)
    package282 (1.0.0)
    package283 (1.0.0)
    package284 (1.0.0)
    package285 (1.0.0)
    package286 (1.0.0)
    package287 (1.0.0)
    package288 (1.0.0)
    package289 (1.0.0)
    package290 (1.0.0)
    package291 (1.0.0)
    package292 (1.0.0)
    package293 (1.0.0)
    package294 (1.0.0)
    package295 (1.0.0)
    package296 (1.0.0)
    package297 (1.0.0)
    package298 (1.0.0)
    package299 (1.0.0)
    package300 (1.0.0)
    package301 (1.0.0)
    package302 (1.0.0)
    package303 (1.0.0)
    package304 (1.0.0)
    package305 (1.0.0)
    package306 (1.0.0)
    package307 (1.0.0)
    package308 (1.0.0)
    package309 (1.0.0)
    package310 (1.0.0)
    package311 (1.0.0)
    package312 (1.0.0)
    package313 (1.0.0)
    package314 (1.0.0)
    package315 (1.0.0)
    package316 (1.0.0)
    package317 (1.0.0)
    package318 (1.0.0)
    package319 (1.0.0)
    package320 (1.0.0)
    package321 (1.0.0)
    package322 (1.0.0)
    package323 (1.0.0)
    package324 (1.0.0)
    package325 (1.0.0)
    package326 (1.0.0)
    package327 (1.0.0)
    package328 (1.0.0)
    package329 (1.0.0)
    package330 (1.0.0)
    package331 (1.0.0)
    package332 (1.0.0)
    package333 (1.0.0)
    package334 (1.0.0)
    package335 (1.0.0)
    package336 (1.0.0)
    package337 (1.0.0)
    package338 (1.0.0)
    package339 (1.0.0)
    package340 (1.0.0)
    package341 (1.0.0)
    package342 (1.0.0)
    package343 (1.0.0)
    package344 (1.0.0)
    package345 (1.0.0)
    package346 (1.0.0)
    package347 (1.0.0)
    package348 (1.0.0)
    package349 (1.0.0)
    package350 (1.0.0)
    package351 (1.0.0)
    package352 (1.0.0)
    package353 (1.0.0)
    package354 (1.0.0)
    package355 (1.0.0)
    package356 (1.0.0)
    package357 (1.0.0)
    package358 (1.0.0)
    package359 (1.0.0)
    package360 (1.0.0)
    package361 (1.0.0)
    package362 (1.0.0)
    package363 (1.0.0)
    package364 (1.0.0)
    package365 (1.0.0)
    package366 (1.0.0)
    package367 (1.0.0)
    package368 (1.0.0)
    package369 (1.0.0)
    package370 (1.0.0)
    package371 (1.0.0)
    package372 (1.0.0)
    package373 (1.0.0)
    package374 (1.0.0)
    package375 (1.0.0)
    package376 (1.0.0)
    package377 (1.0.0)
    package378 (1.0.0)
    package379 (1.0.0)
    package380 (1.0.0)
    package381 (1.0.0)
    package382 (1.0.0)
    package383 (1.0.0)
    package384 (1.0.0)
    package385 (1.0.0)
    package386 (1.0.0)
    package387 (1.0.0)
    package388 (1.0.0)
    package389 (1.0.0)
    package390 (1.0.0)
    package391 (1.0.0)
    package392 (1.0.0)
    package393 (1.0.0)
    package394 (1.0.0)
    package395 (1.0.0)
    package396 (1.0.0)
    package397 (1.0.0)
    package398 (1.0.0)
    package399 (1.0.0)
    package400 (1.0.0)
    package401 (1.0.0)
    package402 (1.0.0)
    package403 (1.0.0)
    package404 (1.0.0)
    package405 (1.0.0)
    package406 (1.0.0)
    package407 (1.0.0)
    package408 (1.0.0)
    package409 (1.0.0)
    package410 (1.0.0)
    package411 (1.0.0)
    package412 (1.0.0)
    package413 (1.0.0)
    package414 (1.0.0)
    package415 (1.0.0)
    package416 (1.0.0)
    package417 (1.0.0)
    package418 (1.0.0)
    package419 (1.0.0)
    package420 (1.0.0)
    package421 (1.0.0)
    package422 (1.0.0)
    package423 (1.0.0)
    package424 (1.0.0)
    package425 (1.0.0)
    package426 (1.0.0)
    package427 (1.0.0)
    package428 (1.0.0)
    package429 (1.0.0)
    package430 (1.0.0)
    package431 (1.0.0)
    package432 (1.0.0)
    package433 (1.0.0)
    package434 (1.0.0)
    package435 (1.0.0)
    package436 (1.0.0)
    package437 (1.0.0)
    package438 (1.0.0)
    package439 (1.0.0)
    package440 (1.0.0)
    package441 (1.0.0)
    package442 (1.0.0)
    package443 (1.0.0)
    package444 (1.0.0)
    package445 (1.0.0)
    package446 (1.0.0)
    package447 (1.0.0)
    package448 (1.0.0)
    package449 (1.0.0)
    package450 (1.0.0)
    package451 (1.0.0)
    package452 (1.0.0)
    package453 (1.0.0)
    package454 (1.0.0)
    package455 (1.0.0)
    package456 (1.0.0)
    package457 (1.0.0)
    package458 (1.0.0)
    package459 (1.0.0)
    package460 (1.0.0)
    package461 (1.0.0)
    package462 (1.0.0)
    package463 (1.0.0)
    package464 (1.0.0)
    package465 (1.0.0)
    package466 (1.0.0)
    package467 (1.0.0)
    package468 (1.0.0)
    package469 (1.0.0)
    package470 (1.0.0)
    package471 (1.0.0)
    package472 (1.0.0)
    package473 (1.0.0)
    package474 (1.0.0)
    package475 (1.0.0)
    package476 (1.0.0)
    package477 (1.0.0)
    package478 (1.0.0)
    package479 (1.0.0)
    package480 (1.0.0)
    package481 (1.0.0)
    package482 (1.0.0)
    package483 (1.0.0)
    package484 (1.0.0)
    package485 (1.0.0)
    package486 (1.0.0)
    package487 (1.0.0)
    package488 (1.0.0)
    package489 (1.0.0)
    package490 (1.0.0)
    package491 (1.0.0)
    package492 (1.0.0)
    package493 (1.0.0)
    package494 (1.0.0)
    package495 (1.0.0)
    package496 (1.0.0)
    package497 (1.0.0)
    package498 (1.0.0)
    package499 (1.0.0)
    package500 (1.0.0)
    package501 (1.0.0)
    package502 (1.0.0)
    package503 (1.0.0)
    package504 (1.0.0)
    package505 (1.0.0)
    package506 (1.0.0)
    package507 (1.0.0)
    package508 (1.0.0)
    package509 (1.0.0)
    package510 (1.0.0)
    package511 (1.0.0)
    package512 (1.0.0)
    package513 (1.0.0)
    package514 (1.0.0)
    package515 (1.0.0)
    package516 (1.0.0)
    package517 (1.0.0)
    package518 (1.0.0)
    package519 (1.0.0)
    package520 (1.0.0)
    package521 (1.0.0)
    package522 (1.0.0)
    package523 (1.0.0)
    package524 (1.0.0)
    package525 (1.0.0)
    package526 (1.0.0)
    package527 (1.0.0)
    package528 (1.0.0)
    package529 (1.0.0)
    package530 (1.0.0)
    package531 (1.0.0)
    package532 (1.0.0)
    package533 (1.0.0)
    package534 (1.0.0)
    package535 (1.0.0)
    package536 (1.0.0)
    package537 (1.0.0)
    package538 (1.0.0)
    package539 (1.0.0)
    package540 (1.0.0)
    package541 (1.0.0)
    package542 (1.0.0)
    package543 (1.0.0)
    package544 (1.0.0)
    package545 (1.0.0)
    package546 (1.0.0)
    package547 (1.0.0)
    package548 (1.0.0)
    package549 (1.0.0)
    package550 (1.0.0)
    package551 (1.0.0)
    package552 (1.0.0)
    package553 (1.0.0)
    package554 (1.0.0)
    package555 (1.0.0)
    package556 (1.0.0)
    package557 (1.0.0)
    package558 (1.0.0)
    package559 (1.0.0)
    package560 (1.0.0)
    package561 (1.0.0)
    package562 (1.0.0)
    package563 (1.0.0)
    package564 (1.0.0)
    package565 (1.0.0)
    package566 (1.0.0)
    package567 (1.0.0)
    package568 (1.0.0)
    package569 (1.0.0)
    package570 (1.0.0)
    package571 (1.0.0)
    package572 (1.0.0)
    package573 (1.0.0)
    package574 (1.0.0)
    package575 (1.0.0)
    package576 (1.0.0)
    package577 (1.0.0)
    package578 (1.0.0)
    package579 (1.0.0)
    package580 (1.0.0)
    package581 (1.0.0)
    package582 (1.0.0)
    package583 (1.0.0)
    package584 (1.0.0)
    package585 (1.0.0)
    package586 (1.0.0)
    package587 (1.0.0)
    package588 (1.0.0)
    package589 (1.0.0)
    package590 (1.0.0)
    package591 (1.0.0)
    package592 (1.0.0)
    package593 (1.0.0)
    package594 (1.0.0)
    package595 (1.0.0)
    package596 (1.0.0)
    package597 (1.0.0)
    package598 (1.0.0)
    package599 (1.0.0)
    package600 (1.0.0)
    package601 (1.0.0)
    package602 (1.0.0)
    package603 (1.0.0)
    package604 (1.0.0)
    package605 (1.0.0)
    package606 (1.0.0)
    package607 (1.0.0)
    package608 (1.0.0)
    package609 (1.0.0)
    package610 (1.0.0)
    package611 (1.0.0)
    package612 (1.0.0)
    package613 (1.0.0)
    package614 (1.0.0)
    package615 (1.0.0)
    package616 (1.0.0)
    package617 (1.0.0)
    package618 (1.0.0)
    package619 (1.0.0)
    package620 (1.0.0)
    package621 (1.0.0)
    package622 (1.0.0)
    package623 (1.0.0)
    package624 (1.0.0)
    package625 (1.0.0)
    package626 (1.0.0)
    package627 (1.0.0)
    package628 (1.0.0)
    package629 (1.0.0)
    package630 (1.0.0)
    package631 (1.0.0)
    package632 (1.0.0)
    package633 (1.0.0)
    package634 (1.0.0)
    package635 (1.0.0)
    package636 (1.0.0)
    package637 (1.0.0)
    package638 (1.0.0)
    package639 (1.0.0)
    package640 (1.0.0)
    package641 (1.0.0)
    package642 (1.0.0)
    package643 (1.0.0)
    package644 (1.0.0)
    package645 (1.0.0)
    package646 (1.0.0)
    package647 (1.0.0)
    package648 (1.0.0)
    package649 (1.0.0)
    package650 (1.0.0)
    package651 (1.0.0)
    package652 (1.0.0)
    package653 (1.0.0)
    package654 (1.0.0)
    package655 (1.0.0)
    package656 (1.0.0)
    package657 (1.0.0)
    package658 (1.0.0)
    package659 (1.0.0)
    package660 (1.0.0)
    package661 (1.0.0)
    package662 (1.0.0)
    package663 (1.0.0)
    package664 (1.0.0)
    package665 (1.0.0)
    package666 (1.0.0)
    package667 (1.0.0)
    package668 (1.0.0)
    package669 (1.0.0)
    package670 (1.0.0)
    package671 (1.0.0)
    package672 (1.0.0)
    package673 (1.0.0)
    package674 (1.0.0)
    package675 (1.0.0)
    package676 (1.0.0)
    package677 (1.0.0)
    package678 (1.0.0)
    package679 (1.0.0)
    package680 (1.0.0)
    package681 (1.0.0)
    package682 (1.0.0)
    package683 (1.0.0)
    package684 (1.0.0)
    package685 (1.0.0)
    package686 (1.0.0)
    package687 (1.0.0)
    package688 (1.0.0)
    package689 (1.0.0)
    package690 (1.0.0)
    package691 (1.0.0)
    package692 (1.0.0)
    package693 (1.0.0)
    package694 (1.0.0)
    package695 (1.0.0)
    package696 (1.0.0)
    package697 (1.0.0)
    package698 (1.0.0)
    package699 (1.0.0)
    package700 (1.0.0)
    package701 (1.0.0)
    package702 (1.0.0)
    package703 (1.0.0)
    package704 (1.0.0)
    package705 (1.0.0)
    package706 (1.0.0)
    package707 (1.0.0)
    package708 (1.0.0)
    package709 (1.0.0)
    package710 (1.0.0)
    package711 (1.0.0)
    package712 (1.0.0)
    package713 (1.0.0)
    package714 (1.0.0)
    package715 (1.0.0)
    package716 (1.0.0)
    package717 (1.0.0)
    package718 (1.0.0)
    package719 (1.0.0)
    package720 (1.0.0)
    package721 (1.0.0)
    package722 (1.0.0)
    package723 (1.0.0)
    package724 (1.0.0)
    package725 (1.0.0)
    package726 (1.0.0)
    package727 (1.0.0)
    package728 (1.0.0)
    package729 (1.0.0)
    package730 (1.0.0)
    package731 (1.0.0)
    package732 (1.0.0)
    package733 (1.0.0)
    package734 (1.0.0)
    package735 (1.0.0)
    package736 (1.0.0)
    package737 (1.0.0)
    package738 (1.0.0)
    package739 (1.0.0)
    package740 (1.0.0)
    package741 (1.0.0)
    package742 (1.0.0)
    package743 (1.0.0)
    package744 (1.0.0)
    package745 (1.0.0)
    package746 (1.0.0)
    package747 (1.0.0)
    package748 (1.0.0)
    package749 (1.0.0)
    package750 (1.0.0)
    package751 (1.0.0)
    package752 (1.0.0)
    package753 (1.0.0)
    package754 (1.0.0)
    package755 (1.0.0)
    package756 (1.0.0)
    package757 (1.0.0)
    package758 (1.0.0)
    package759 (1.0.0)
    package760 (1.0.0)
    package761 (1.0.0)
    package762 (1.0.0)
    package763 (1.0.0)
    package764 (1.0.0)
    package765 (1.0.0)
    package766 (1.0.0)
    package767 (1.0.0)
    package768 (1.0.0)
    package769 (1.0.0)
    package770 (1.0.0)
    package771 (1.0.0)
    package772 (1.0.0)
    package773 (1.0.0)
    package774 (1.0.0)
    package775 (1.0.0)
    package776 (1.0.0)
    package777 (1.0.0)
    package778 (1.0.0)
    package779 (1.0.0)
    package780 (1.0.0)
    package781 (1.0.0)
    package782 (1.0.0)
    package783 (1.0.0)
    package784 (1.0.0)
    package785 (1.0.0)
    package786 (1.0.0)
    package787 (1.0.0)
    package788 (1.0.0)
    package789 (1.0.0)
    package790 (1.0.0)
    package791 (1.0.0)
    package792 (1.0.0)
    package793 (1.0.0)
    package794 (1.0.0)
    package795 (1.0.0)
    package796 (1.0.0)
    package797 (1.0.0)
    package798 (1.0.0)
    package799 (1.0.0)
    package800 (1.0.0)
    package801 (1.0.0)
    package802 (1.0.0)
    package803 (1.0.0)
    package804 (1.0.0)
    package805 (1.0.0)
    package806 (1.0.0)
    package807 (1.0.0)
    package808 (1.0.0)
    package809 (1.0.0)
    package810 (1.0.0)
    package811 (1.0.0)
    package812 (1.0.0)
    package813 (1.0.0)
    package814 (1.0.0)
    package815 (1.0.0)
    package816 (1.0.0)
    package817 (1.0.0)
    package818 (1.0.0)
    package819 (1.0.0)
    package820 (1.0.0)
    package821 (1.0.0)
    package822 (1.0.0)
    package823 (1.0.0)
    package824 (1.0.0)
    package825 (1.0.0)
    package826 (1.0.0)
    package827 (1.0.0)
    package828 (1.0.0)
    package829 (1.0.0)
    package830 (1.0.0)
    package831 (1.0.0)
    package832 (1.0.0)
    package833 (1.0.0)
    package834 (1.0.0)
    package835 (1.0.0)
    package836 (1.0.0)
    package837 (1.0.0)
    package838 (1.0.0)
    package839 (1.0.0)
    package840 (1.0.0)
    package841 (1.0.0)
    package842 (1.0.0)
    package843 (1.0.0)
    package844 (1.0.0)
    package845 (1.0.0)
    package846 (1.0.0)
    package847 (1.0.0)
    package848 (1.0.0)
    package849 (1.0.0)
    package850 (1.0.0)
    package851 (1.0.0)
    package852 (1.0.0)
    package853 (1.0.0)
    package854 (1.0.0)
    package855 (1.0.0)
    package856 (1.0.0)
    package857 (1.0.0)
    package858 (1.0.0)
    package859 (1.0.0)
    package860 (1.0.0)
    package861 (1.0.0)
    package862 (1.0.0)
    package863 (1.0.0)
    package864 (1.0.0)
    package865 (1.0.0)
    package866 (1.0.0)
    package867 (1.0.0)
    package868 (1.0.0)
    package869 (1.0.0)
    package870 (1.0.0)
    package871 (1.0.0)
    package872 (1.0.0)
    package873 (1.0.0)
    package874 (1.0.0)
    package875 (1.0.0)
    package876 (1.0.0)
    package877 (1.0.0)
    package878 (1.0.0)
    package879 (1.0.0)
    package880 (1.0.0)
    package881 (1.0.0)
    package882 (1.0.0)
    package883 (1.0.0)
    package884 (1.0.0)
    package885 (1.0.0)
    package886 (1.0.0)
    package887 (1.0.0)
    package888 (1.0.0)
    package889 (1.0.0)
    package890 (1.0.0)
    package891 (1.0.0)
    package892 (1.0.0)
    package893 (1.0.0)
    package894 (1.0.0)
    package895 (1.0.0)
    package896 (1.0.0)
    package897 (1.0.0)
    package898 (1.0.0)
    package899 (1.0.0)
    package900 (1.0.0)
    package901 (1.0.0)
    package902 (1.0.0)
    package903 (1.0.0)
    package904 (1.0.0)
    package905 (1.0.0)
    package906 (1.0.0)
    package907 (1.0.0)
    package908 (1.0.0)
    package909 (1.0.0)
    package910 (1.0.0)
    package911 (1.0.0)
    package912 (1.0.0)
    package913 (1.0.0)
    package914 (1.0.0)
    package915 (1.0.0)
    package916 (1.0.0)
    package917 (1.0.0)
    package918 (1.0.0)
    package919 (1.0.0)
    package920 (1.0.0)
    package921 (1.0.0)
    package922 (1.0.0)
    package923 (1.0.0)
    package924 (1.0.0)
    package925 (1.0.0)
    package926 (1.0.0)
    package927 (1.0.0)
    package928 (1.0.0)
    package929 (1.0.0)
    package930 (1.0.0)
    package931 (1.0.0)
    package932 (1.0.0)
    package933 (1.0.0)
    package934 (1.0.0)
    package935 (1.0.0)
    package936 (1.0.0)
    package937 (1.0.0)
    package938 (1.0.0)
    package939 (1.0.0)
    package940 (1.0.0)
    package941 (1.0.0)
    package942 (1.0.0)
    package943 (1.0.0)
    package944 (1.0.0)
    package945 (1.0.0)
    package946 (1.0.0)
    package947 (1.0.0)
    package948 (1.0.0)
    package949 (1.0.0)
    package950 (1.0.0)
    package951 (1.0.0)
    package952 (1.0.0)
    package953 (1.0.0)
    package954 (1.0.0)
    package955 (1.0.0)
    package956 (1.0.0)
    package957 (1.0.0)
    package958 (1.0.0)
    package959 (1.0.0)
    package960 (1.0.0)
    package961 (1.0.0)
    package962 (1.0.0)
    package963 (1.0.0)
    package964 (1.0.0)
    package965 (1.0.0)
    package966 (1.0.0)
    package967 (1.0.0)
    package968 (1.0.0)
    package969 (1.0.0)
    package970 (1.0.0)
    package971 (1.0.0)
    package972 (1.0.0)
    package973 (1.0.0)
    package974 (1.0.0)
    package975 (1.0.0)
    package976 (1.0.0)
    package977 (1.0.0)
    package978 (1.0.0)
    package979 (1.0.0)
    package980 (1.0.0)
    package981 (1.0.0)
    package982 (1.0.0)
    package983 (1.0.0)
    package984 (1.0.0)
    package985 (1.0.0)
    package986 (1.0.0)
    package987 (1.0.0)
    package988 (1.0.0)
    package989 (1.0.0)
    package990 (1.0.0)
    package991 (1.0.0)
    package992 (1.0.0)
    package993 (1.0.0)
    package994 (1.0.0)
    package995 (1.0.0)
    package996 (1.0.0)
    package997 (1.0.0)
    package998 (1.0.0)
    package999 (1.0.0)
    package1000 (1.0.0)
    package1001 (1.0.0)
    package1002 (1.0.0)
    package1003 (1.0.0)
    package1004 (1.0.0)
    package1005 (1.0.0)
    package1006 (1.0.0)
    package1007 (1.0.0)
    package1008 (1.0.0)
    package1009 (1.0.0)
    package1010 (1.0.0)
    package1011 (1.0.0)
    package1012 (1.0.0)
    package1013 (1.0.0)
    package1014 (1.0.0)
    package1015 (1.0.0)
    package1016 (1.0.0)
    package1017 (1.0.0)
    package1018 (1.0.0)
    package1019 (1.0.0)
    package1020 (1.0.0)
    package1021 (1.0.0)
    package1022 (1.0.0)
    package1023 (1.0.0)
    package1024 (1.0.0)
    package1025 (1.0.0)
    package1026 (1.0.0)
    package1027 (1.0.0)
    package1028 (1.0.0)
    package1029 (1.0.0)
    package1030 (1.0.0)
    package1031 (1.0.0)
    package1032 (1.0.0)
    package1033 (1.0.0)
    package1034 (1.0.0)
    package1035 (1.0.0)
    package1036 (1.0.0)
    package1037 (1.0.0)
    package1038 (1.0.0)
    package1039 (1.0.0)
    package1040 (1.0.0)
    package1041 (1.0.0)
    package1042 (1.0.0)
    package1043 (1.0.0)
    package1044 (1.0.0)
    package1045 (1.0.0)
    package1046 (1.0.0)
    package1047 (1.0.0)
    package1048 (1.0.0)
    package1049 (1.0.0)
    package1050 (1.0.0)
    package1051 (1.0.0)
    package1052 (1.0.0)
    package1053 (1.0.0)
    package1054 (1.0.0)
    package1055 (1.0.0)
    package1056 (1.0.0)
    package1057 (1.0.0)
    package1058 (1.0.0)
    package1059 (1.0.0)
    package1060 (1.0.0)
    package1061 (1.0.0)
    package1062 (1.0.0)
    package1063 (1.0.0)
    package1064 (1.0.0)
    package1065 (1.0.0)
    package1066 (1.0.0)
    package1067 (1.0.0)
    package1068 (1.0.0)
    package1069 (1.0.0)
    package1070 (1.0.0)
    package1071 (1.0.0)
    package1072 (1.0.0)
    package1073 (1.0.0)
    package1074 (1.0.0)
    package1075 (1.0.0)
    package1076 (1.0.0)
    package1077 (1.0.0)
    package1078 (1.0.0)
    package1079 (1.0.0)
    package1080 (1.0.0)
    package1081 (1.0.0)
    package1082 (1.0.0)
    package1083 (1.0.0)
    package1084 (1.0.0)
    package1085 (1.0.0)
    package1086 (1.0.0)
    package1087 (1.0.0)
    package1088 (1.0.0)
    package1089 (1.0.0)
    package1090 (1.0.0)
    package1091 (1.0.0)
    package1092 (1.0.0)
    package1093 (1.0.0)
    package1094 (1.0.0)
    package1095 (1.0.0)
    package1096 (1.0.0)
    package1097 (1.0.0)
    package1098 (1.0.0)
    package1099 (1.0.0)
    package1100 (1.0.0)
    package1101 (1.0.0)
    package1102 (1.0.0)
    package1103 (1.0.0)
    package1104 (1.0.0)
    package1105 (1.0.0)
    package1106 (1.0.0)
    package1107 (1.0.0)
    package1108 (1.0.0)
    package1109 (1.0.0)
    package1110 (1.0.0)
    package1111 (1.0.0)
    package1112 (1.0.0)
    package1113 (1.0.0)
    package1114 (1.0.0)
    package1115 (1.0.0)
    package1116 (1.0.0)
    package1117 (1.0.0)
    package1118 (1.0.0)
    package1119 (1.0.0)
    package1120 (1.0.0)
    package1121 (1.0.0)
    package1122 (1.0.0)
    package1123 (1.0.0)
    package1124 (1.0.0)
    package1125 (1.0.0)
    package1126 (1.0.0)
    package1127 (1.0.0)
    package1128 (1.0.0)
    package1129 (1.0.0)
    package1130 (1.0.0)
    package1131 (1.0.0)
    package1132 (1.0.0)
    package1133 (1.0.0)
    package1134 (1.0.0)
    package1135 (1.0.0)
    package1136 (1.0.0)
    package1137 (1.0.0)
    package1138 (1.0.0)
    package1139 (1.0.0)
    package1140 (1.0.0)
    package1141 (1.0.0)
    package1142 (1.0.0)
    package1143 (1.0.0)
    package1144 (1.0.0)
    package1145 (1.0.0)
    package1146 (1.0.0)
    package1147 (1.0.0)
    package1148 (1.0.0)
    package1149 (1.0.0)
    package1150 (1.0.0)
    package1151 (1.0.0)
    package1152 (1.0.0)
    package1153 (1.0.0)
    package1154 (1.0.0)
    package1155 (1.0.0)
    package1156 (1.0.0)
    package1157 (1.0.0)
    package1158 (1.0.0)
    package1159 (1.0.0)
    package1160 (1.0.0)
    package1161 (1.0.0)
    package1162 (1.0.0)
    package1163 (1.0.0)
    package1164 (1.0.0)
    package1165 (1.0.0)
    package1166 (1.0.0)
    package1167 (1.0.0)
    package1168 (1.0.0)
    package1169 (1.0.0)
    package1170 (1.0.0)
    package1171 (1.0.0)
    package1172 (1.0.0)
    package1173 (1.0.0)
    package1174 (1.0.0)
    package1175 (1.0.0)
    package1176 (1.0.0)
    package1177 (1.0.0)
    package1178 (1.0.0)
    package1179 (1.0.0)
    package1180 (1.0.0)
    package1181 (1.0.0)
    package1182 (1.0.0)
    package1183 (1.0.0)
    package1184 (1.0.0)
    package1185 (1.0.0)
    package1186 (1.0.0)
    package1187 (1.0.0)
    package1188 (1.0.0)
    package1189 (1.0.0)
    package1190 (1.0.0)
    package1191 (1.0.0)
    package1192 (1.0.0)
    package1193 (1.0.0)
    package1194 (1.0.0)
    package1195 (1.0.0)
    package1196 (1.0.0)
    package1197 (1.0.0)
    package1198 (1.0.0)
    package1199 (1.0.0)
    package1200 (1.0.0)
    package1201 (1.0.0)
    package1202 (1.0.0)
    package1203 (1.0.0)
    package1204 (1.0.0)
    package1205 (1.0.0)
    package1206 (1.0.0)
    package1207 (1.0.0)
    package1208 (1.0.0)
    package1209 (1.0.0)
    package1210 (1.0.0)
    package1211 (1.0.0)
    package1212 (1.0.0)
    package1213 (1.0.0)
    package1214 (1.0.0)
    package1215 (1.0.0)
    package1216 (1.0.0)
    package1217 (1.0.0)
    package1218 (1.0.0)
    package1219 (1.0.0)
    package1220 (1.0.0)
    package1221 (1.0.0)
    package1222 (1.0.0)
    package1223 (1.0.0)
    package1224 (1.0.0)
    package1225 (1.0.0)
    package1226 (1.0.0)
    package1227 (1.0.0)
    package1228 (1.0.0)
    package1229 (1.0.0)
    package1230 (1.0.0)
    package1231 (1.0.0)
    package1232 (1.0.0)
    package1233 (1.0.0)
    package1234 (1.0.0)
    package1235 (1.0.0)
    package1236 (1.0.0)
    package1237 (1.0.0)
    package1238 (1.0.0)
    package1239 (1.0.0)
    package1240 (1.0.0)
    package1241 (1.0.0)
    package1242 (1.0.0)
    package1243 (1.0.0)
    package1244 (1.0.0)
    package1245 (1.0.0)
    package1246 (1.0.0)
    package1247 (1.0.0)
    package1248 (1.0.0)
    package1249 (1.0.0)
    package1250 (1.0.0)
    package1251 (1.0.0)
    package1252 (1.0.0)
    package1253 (1.0.0)
    package1254 (1.0.0)
    package1255 (1.0.0)
    package1256 (1.0.0)
    package1257 (1.0.0)
    package1258 (1.0.0)
    package1259 (1.0.0)
    package1260 (1.0.0)
    package1261 (1.0.0)
    package1262 (1.0.0)
    package1263 (1.0.0)
    package1264 (1.0.0)
    package1265 (1.0.0)
    package1266 (1.0.0)
    package1267 (1.0.0)
    package1268 (1.0.0)
    package1269 (1.0.0)
    package1270 (1.0.0)
    package1271 (1.0.0)
    package1272 (1.0.0)
    package1273 (1.0.0)
    package1274 (1.0.0)
    package1275 (1.0.0)
    package1276 (1.0.0)
    package1277 (1.0.0)
    package1278 (1.0.0)
    package1279 (1.0.0)
    package1280 (1.0.0)
    package1281 (1.0.0)
    package1282 (1.0.0)
    package1283 (1.0.0)
    package1284 (1.0.0)
    package1285 (1.0.0)
    package1286 (1.0.0)
    package1287 (1.0.0)
    package1288 (1.0.0)
    package1289 (1.0.0)
    package1290 (1.0.0)
    package1291 (1.0.0)
    package1292 (1.0.0)
    package1293 (1.0.0)
    package1294 (1.0.0)
    package1295 (1.0.0)
    package1296 (1.0.0)
    package1297 (1.0.0)
    package1298 (1.0.0)
    package1299 (1.0.0)
    package1300 (1.0.0)
    package1301 (1.0.0)
    package1302 (1.0.0)
    package1303 (1.0.0)
    package1304 (1.0.0)
    package1305 (1.0.0)
    package1306 (1.0.0)
    package1307 (1.0.0)
    package1308 (1.0.0)
    package1309 (1.0.0)
    package1310 (1.0.0)
    package1311 (1.0.0)
    package1312 (1.0.0)
    package1313 (1.0.0)
    package1314 (1.0.0)
    package1315 (1.0.0)
    package1316 (1.0.0)
    package1317 (1.0.0)
    package1318 (1.0.0)
    package1319 (1.0.0)
    package1320 (1.0.0)
    package1321 (1.0.0)
    package1322 (1.0.0)
    package1323 (1.0.0)
    package1324 (1.0.0)
    package1325 (1.0.0)
    package1326 (1.0.0)
    package1327 (1.0.0)
    package1328 (1.0.0)
    package1329 (1.0.0)
    package1330 (1.0.0)
    package1331 (1.0.0)
    package1332 (1.0.0)
    package1333 (1.0.0)
    package1334 (1.0.0)
    package1335 (1.0.0)
    package1336 (1.0.0)
    package1337 (1.0.0)
    package1338 (1.0.0)
    package1339 (1.0.0)
    package1340 (1.0.0)
    package1341 (1.0.0)
    package1342 (1.0.0)
    package1343 (1.0.0)
    package1344 (1.0.0)
    package1345 (1.0.0)
    package1346 (1.0.0)
    package1347 (1.0.0)
    package1348 (1.0.0)
    package1349 (1.0.0)
    package1350 (1.0.0)
    package1351 (1.0.0)
    package1352 (1.0.0)
    package1353 (1.0.0)
    package1354 (1.0.0)
    package1355 (1.0.0)
    package1356 (1.0.0)
    package1357 (1.0.0)
    package1358 (1.0.0)
    package1359 (1.0.0)
    package1360 (1.0.0)
    package1361 (1.0.0)
    package1362 (1.0.0)
    package1363 (1.0.0)
    package1364 (1.0.0)
    package1365 (1.0.0)
    package1366 (1.0.0)
    package1367 (1.0.0)
    package1368 (1.0.0)
    package1369 (1.0.0)
    package1370 (1.0.0)
    package1371 (1.0.0)
    package1372 (1.0.0)
    package1373 (1.0.0)
    package1374 (1.0.0)
    package1375 (1.0.0)
    package1376 (1.0.0)
    package1377 (1.0.0)
    package1378 (1.0.0)
    package1379 (1.0.0)
    package1380 (1.0.0)
    package1381 (1.0.0)
    package1382 (1.0.0)
    package1383 (1.0.0)
    package1384 (1.0.0)
    package1385 (1.0.0)
    package1386 (1.0.0)
    package1387 (1.0.0)
    package1388 (1.0.0)
    package1389 (1.0.0)
    package1390 (1.0.0)
    package1391 (1.0.0)
    package1392 (1.0.0)
    package1393 (1.0.0)
    package1394 (1.0.0)
    package1395 (1.0.0)
    package1396 (1.0.0)
    package1397 (1.0.0)
    package1398 (1.0.0)
    package1399 (1.0.0)
    package1400 (1.0.0)
    package1401 (1.0.0)
    package1402 (1.0.0)
    package1403 (1.0.0)
    package1404 (1.0.0)
    package1405 (1.0.0)
    package1406 (1.0.0)
    package1407 (1.0.0)
    package1408 (1.0.0)
    package1409 (1.0.0)
    package1410 (1.0.0)
    package1411 (1.0.0)
    package1412 (1.0.0)
    package1413 (1.0.0)
    package1414 (1.0.0)
    package1415 (1.0.0)
    package1416 (1.0.0)
    package1417 (1.0.0)
    package1418 (1.0.0)
    package1419 (1.0.0)
    package1420 (1.0.0)
    package1421 (1.0.0)
    package1422 (1.0.0)
    package1423 (1.0.0)
    package1424 (1.0.0)
    package1425 (1.0.0)
    package1426 (1.0.0)
    package1427 (1.0.0)
    package1428 (1.0.0)
    package1429 (1.0.0)
    package1430 (1.0.0)
    package1431 (1.0.0)
    package1432 (1.0.0)
    package1433 (1.0.0)
    package1434 (1.0.0)
    package1435 (1.0.0)
    package1436 (1.0.0)
    package1437 (1.0.0)
    package1438 (1.0.0)
    package1439 (1.0.0)
    package1440 (1.0.0)
    package1441 (1.0.0)
    package1442 (1.0.0)
    package1443 (1.0.0)
    package1444 (1.0.0)
    package1445 (1.0.0)
    package1446 (1.0.0)
    package1447 (1.0.0)
    package1448 (1.0.0)
    package1449 (1.0.0)
    package1450 (1.0.0)
    package1451 (1.0.0)
    package1452 (1.0.0)
    package1453 (1.0.0)
    package1454 (1.0.0)
    package1455 (1.0.0)
    package1456 (1.0.0)
    package1457 (1.0.0)
    package1458 (1.0.0)
    package1459 (1.0.0)
    package1460 (1.0.0)
    package1461 (1.0.0)
    package1462 (1.0.0)
    package1463 (1.0.0)
    package1464 (1.0.0)
    package1465 (1.0.0)
    package1466 (1.0.0)
    package1467 (1.0.0)
    package1468 (1.0.0)
    package1469 (1.0.0)
    package1470 (1.0.0)
    package1471 (1.0.0)
    package1472 (1.0.0)
    package1473 (1.0.0)
    package1474 (1.0.0)
    package1475 (1.0.0)
    package1476 (1.0.0)
    package1477 (1.0.0)
    package1478 (1.0.0)
    package1479 (1.0.0)
    package1480 (1.0.0)
    package1481 (1.0.0)
    package1482 (1.0.0)
    package1483 (1.0.0)
    package1484 (1.0.0)
    package1485 (1.0.0)
    package1486 (1.0.0)
    package1487 (1.0.0)
    package1488 (1.0.0)
    package1489 (1.0.0)
    package1490 (1.0.0)
    package1491 (1.0.0)
    package1492 (1.0.0)
    package1493 (1.0.0)
    package1494 (1.0.0)
    package1495 (1.0.0)
    package1496 (1.0.0)
    package1497 (1.0.0)
    package1498 (1.0.0)
    package1499 (1.0.0)
    package1500 (1.0.0)
    package1501 (1.0.0)
    package1502 (1.0.0)
    package1503 (1.0.0)
    package1504 (1.0.0)
    package1505 (1.0.0)
    package1506 (1.0.0)
    package1507 (1.0.0)
    package1508 (1.0.0)
    package1509 (1.0.0)
    package1510 (1.0.0)
    package1511 (1.0.0)
    package1512 (1.0.0)
    package1513 (1.0.0)
    package1514 (1.0.0)
    package1515 (1.0.0)
    package1516 (1.0.0)
    package1517 (1.0.0)
    package1518 (1.0.0)
    package1519 (1.0.0)
    package1520 (1.0.0)
    package1521 (1.0.0)
    package1522 (1.0.0)
    package1523 (1.0.0)
    package1524 (1.0.0)
    package1525 (1.0.0)
    package1526 (1.0.0)
    package1527 (1.0.0)
    package1528 (1.0.0)
    package1529 (1.0.0)
    package1530 (1.0.0)
    package1531 (1.0.0)
    package1532 (1.0.0)
    package1533 (1.0.0)
    package1534 (1.0.0)
    package1535 (1.0.0)
    package1536 (1.0.0)
    package1537 (1.0.0)
    package1538 (1.0.0)
    package1539 (1.0.0)
    package1540 (1.0.0)
    package1541 (1.0.0)
    package1542 (1.0.0)
    package1543 (1.0.0)
    package1544 (1.0.0)
    package1545 (1.0.0)
    package1546 (1.0.0)
    package1547 (1.0.0)
    package1548 (1.0.0)
    package1549 (1.0.0)
    package1550 (1.0.0)
    package1551 (1.0.0)
    package1552 (1.0.0)
    package1553 (1.0.0)
    package1554 (1.0.0)
    package1555 (1.0.0)
    package1556 (1.0.0)
    package1557 (1.0.0)
    package1558 (1.0.0)
    package1559 (1.0.0)
    package1560 (1.0.0)
    package1561 (1.0.0)
    package1562 (1.0.0)
    package1563 (1.0.0)
    package1564 (1.0.0)
    package1565 (1.0.0)
    package1566 (1.0.0)
    package1567 (1.0.0)
    package1568 (1.0.0)
    package1569 (1.0.0)
    package1570 (1.0.0)
    package1571 (1.0.0)
    package1572 (1.0.0)
    package1573 (1.0.0)
    package1574 (1.0.0)
    package1575 (1.0.0)
    package1576 (1.0.0)
    package1577 (1.0.0)
    package1578 (1.0.0)
    package1579 (1.0.0)
    package1580 (1.0.0)
    package1581 (1.0.0)
    package1582 (1.0.0)
    package1583 (1.0.0)
    package1584 (1.0.0)
    package1585 (1.0.0)
    package1586 (1.0.0)
    package1587 (1.0.0)
    package1588 (1.0.0)
    package1589 (1.0.0)
    package1590 (1.0.0)
    package1591 (1.0.0)
    package1592 (1.0.0)
    package1593 (1.0.0)
    package1594 (1.0.0)
    package1595 (1.0.0)
    package1596 (1.0.0)
    package1597 (1.0.0)
    package1598 (1.0.0)
    package1599 (1.0.0)
    package1600 (1.0.0)
    package1601 (1.0.0)
    package1602 (1.0.0)
    package1603 (1.0.0)
    package1604 (1.0.0)
    package1605 (1.0.0)
    package1606 (1.0.0)
    package1607 (1.0.0)
    package1608 (1.0.0)
    package1609 (1.0.0)
    package1610 (1.0.0)
    package1611 (1.0.0)
    package1612 (1.0.0)
    package1613 (1.0.0)
    package1614 (1.0.0)
    package1615 (1.0.0)
    package1616 (1.0.0)
    package1617 (1.0.0)
    package1618 (1.0.0)
    package1619 (1.0.0)
    package1620 (1.0.0)
    package1621 (1.0.0)
    package1622 (1.0.0)
    package1623 (1.0.0)
    package1624 (1.0.0)
    package1625 (1.0.0)
    package1626 (1.0.0)
    package1627 (1.0.0)
    package1628 (1.0.0)
    package1629 (1.0.0)
    package1630 (1.0.0)
    package1631 (1.0.0)
    package1632 (1.0.0)
    package1633 (1.0.0)
    package1634 (1.0.0)
    package1635 (1.0.0)
    package1636 (1.0.0)
    package1637 (1.0.0)
    package1638 (1.0.0)
    package1639 (1.0.0)
    package1640 (1.0.0)
    package1641 (1.0.0)
    package1642 (1.0.0)
    package1643 (1.0.0)
    package1644 (1.0.0)
    package1645 (1.0.0)
    package1646 (1.0.0)
    package1647 (1.0.0)
    package1648 (1.0.0)
    package1649 (1.0.0)
    package1650 (1.0.0)
    package1651 (1.0.0)
    package1652 (1.0.0)
    package1653 (1.0.0)
    package1654 (1.0.0)
    package1655 (1.0.0)
    package1656 (1.0.0)
    package1657 (1.0.0)
    package1658 (1.0.0)
    package1659 (1.0.0)
    package1660 (1.0.0)
    package1661 (1.0.0)
    package1662 (1.0.0)
    package1663 (1.0.0)
    package1664 (1.0.0)
    package1665 (1.0.0)
    package1666 (1.0.0)
    package1667 (1.0.0)
    package1668 (1.0.0)
    package1669 (1.0.0)
    package1670 (1.0.0)
    package1671 (1.0.0)
    package1672 (1.0.0)
    package1673 (1.0.0)
    package1674 (1.0.0)
    package1675 (1.0.0)
    package1676 (1.0.0)
    package1677 (1.0.0)
    package1678 (1.0.0)
    package1679 (1.0.0)
    package1680 (1.0.0)
    package1681 (1.0.0)
    package1682 (1.0.0)
    package1683 (1.0.0)
    package1684 (1.0.0)
    package1685 (1.0.0)
    package1686 (1.0.0)
    package1687 (1.0.0)
    package1688 (1.0.0)
    package1689 (1.0.0)
    package1690 (1.0.0)
    package1691 (1.0.0)
    package1692 (1.0.0)
    package1693 (1.0.0)
    package1694 (1.0.0)
    package1695 (1.0.0)
    package1696 (1.0.0)
    package1697 (1.0.0)
    package1698 (1.0.0)
    package1699 (1.0.0)
    package1700 (1.0.0)
    package1701 (1.0.0)
    package1702 (1.0.0)
    package1703 (1.0.0)
    package1704 (1.0.0)
    package1705 (1.0.0)
    package1706 (1.0.0)
    package1707 (1.0.0)
    package1708 (1.0.0)
    package1709 (1.0.0)
    package1710 (1.0.0)
    package1711 (1.0.0)
    package1712 (1.0.0)
    package1713 (1.0.0)
    package1714 (1.0.0)
    package1715 (1.0.0)
    package1716 (1.0.0)
    package1717 (1.0.0)
    package1718 (1.0.0)
    package1719 (1.0.0)
    package1720 (1.0.0)
    package1721 (1.0.0)
    package1722 (1.0.0)
    package1723 (1.0.0)
    package1724 (1.0.0)
    package1725 (1.0.0)
    package1726 (1.0.0)
    package1727 (1.0.0)
    package1728 (1.0.0)
    package1729 (1.0.0)
    package1730 (1.0.0)
    package1731 (1.0.0)
    package1732 (1.0.0)
    package1733 (1.0.0)
    package1734 (1.0.0)
    package1735 (1.0.0)
    package1736 (1.0.0)
    package1737 (1.0.0)
    package1738 (1.0.0)
    package1739 (1.0.0)
    package1740 (1.0.0)
    package1741 (1.0.0)
    package1742 (1.0.0)
    package1743 (1.0.0)
    package1744 (1.0.0)
    package1745 (1.0.0)
    package1746 (1.0.0)
    package1747 (1.0.0)
    package1748 (1.0.0)
    package1749 (1.0.0)
    package1750 (1.0.0)
    package1751 (1.0.0)
    package1752 (1.0.0)
    package1753 (1.0.0)
    package1754 (1.0.0)
    package1755 (1.0.0)
    package1756 (1.0.0)
    package1757 (1.0.0)
    package1758 (1.0.0)
    package1759 (1.0.0)
    package1760 (1.0.0)
    package1761 (1.0.0)
    package1762 (1.0.0)
    package1763 (1.0.0)
    package1764 (1.0.0)
    package1765 (1.0.0)
    package1766 (1.0.0)
    package1767 (1.0.0)
    package1768 (1.0.0)
    package1769 (1.0.0)
    package1770 (1.0.0)
    package1771 (1.0.0)
    package1772 (1.0.0)
    package1773 (1.0.0)
    package1774 (1.0.0)
    package1775 (1.0.0)
    package1776 (1.0.0)
    package1777 (1.0.0)
    package1778 (1.0.0)
    package1779 (1.0.0)
    package1780 (1.0.0)
    package1781 (1.0.0)
    package1782 (1.0.0)
    package1783 (1.0.0)
    package1784 (1.0.0)
    package1785 (1.0.0)
    package1786 (1.0.0)
    package1787 (1.0.0)
    package1788 (1.0.0)
    package1789 (1.0.0)
    package1790 (1.0.0)
    package1791 (1.0.0)
    package1792 (1.0.0)
    package1793 (1.0.0)
    package1794 (1.0.0)
    package1795 (1.0.0)
    package1796 (1.0.0)
    package1797 (1.0.0)
    package1798 (1.0.0)
    package1799 (1.0.0)
    package1800 (1.0.0)
    package1801 (1.0.0)
    package1802 (1.0.0)
    package1803 (1.0.0)
    package1804 (1.0.0)
    package1805 (1.0.0)
    package1806 (1.0.0)
    package1807 (1.0.0)
    package1808 (1.0.0)
    package1809 (1.0.0)
    package1810 (1.0.0)
    package1811 (1.0.0)
    package1812 (1.0.0)
    package1813 (1.0.0)
    package1814 (1.0.0)
    package1815 (1.0.0)
    package1816 (1.0.0)
    package1817 (1.0.0)
    package1818 (1.0.0)
    package1819 (1.0.0)
    package1820 (1.0.0)
    package1821 (1.0.0)
    package1822 (1.0.0)
    package1823 (1.0.0)
    package1824 (1.0.0)
    package1825 (1.0.0)
    package1826 (1.0.0)
    package1827 (1.0.0)
    package1828 (1.0.0)
    package1829 (1.0.0)
    package1830 (1.0.0)
    package1831 (1.0.0)
    package1832 (1.0.0)
    package1833 (1.0.0)
    package1834 (1.0.0)
    package1835 (1.0.0)
    package1836 (1.0.0)
    package1837 (1.0.0)
    package1838 (1.0.0)
    package1839 (1.0.0)
    package1840 (1.0.0)
    package1841 (1.0.0)
    package1842 (1.0.0)
    package1843 (1.0.0)
    package1844 (1.0.0)
    package1845 (1.0.0)
    package1846 (1.0.0)
    package1847 (1.0.0)
    package1848 (1.0.0)
    package1849 (1.0.0)
    package1850 (1.0.0)
    package1851 (1.0.0)
    package1852 (1.0.0)
    package1853 (1.0.0)
    package1854 (1.0.0)
    package1855 (1.0.0)
    package1856 (1.0.0)
    package1857 (1.0.0)
    package1858 (1.0.0)
    package1859 (1.0.0)
    package1860 (1.0.0)
    package1861 (1.0.0)
    package1862 (1.0.0)
    package1863 (1.0.0)
    package1864 (1.0.0)
    package1865 (1.0.0)
    package1866 (1.0.0)
    package1867 (1.0.0)
    package1868 (1.0.0)
    package1869 (1.0.0)
    package1870 (1.0.0)
    package1871 (1.0.0)
    package1872 (1.0.0)
    package1873 (1.0.0)
    package1874 (1.0.0)
    package1875 (1.0.0)
    package1876 (1.0.0)
    package1877 (1.0.0)
    package1878 (1.0.0)
    package1879 (1.0.0)
    package1880 (1.0.0)
    package1881 (1.0.0)
    package1882 (1.0.0)
    package1883 (1.0.0)
    package1884 (1.0.0)
    package1885 (1.0.0)
    package1886 (1.0.0)
    package1887 (1.0.0)
    package1888 (1.0.0)
    package1889 (1.0.0)
    package1890 (1.0.0)
    package1891 (1.0.0)
    package1892 (1.0.0)
    package1893 (1.0.0)
    package1894 (1.0.0)
    package1895 (1.0.0)
    package1896 (1.0.0)
    package1897 (1.0.0)
    package1898 (1.0.0)
    package1899 (1.0.0)
    package1900 (1.0.0)
    package1901 (1.0.0)
    package1902 (1.0.0)
    package1903 (1.0.0)
    package1904 (1.0.0)
    package1905 (1.0.0)
    package1906 (1.0.0)
    package1907 (1.0.0)
    package1908 (1.0.0)
    package1909 (1.0.0)
    package1910 (1.0.0)
    package1911 (1.0.0)
    package1912 (1.0.0)
    package1913 (1.0.0)
    package1914 (1.0.0)
    package1915 (1.0.0)
    package1916 (1.0.0)
    package1917 (1.0.0)
    package1918 (1.0.0)
    package1919 (1.0.0)
    package1920 (1.0.0)
    package1921 (1.0.0)
    package1922 (1.0.0)
    package1923 (1.0.0)
    package1924 (1.0.0)
    package1925 (1.0.0)
    package1926 (1.0.0)
    package1927 (1.0.0)
    package1928 (1.0.0)
    package1929 (1.0.0)
    package1930 (1.0.0)
    package1931 (1.0.0)
    package1932 (1.0.0)
    package1933 (1.0.0)
    package1934 (1.0.0)
    package1935 (1.0.0)
    package1936 (1.0.0)
    package1937 (1.0.0)
    package1938 (1.0.0)
    package1939 (1.0.0)
    package1940 (1.0.0)
    package1941 (1.0.0)
    package1942 (1.0.0)
    package1943 (1.0.0)
    package1944 (1.0.0)
    package1945 (1.0.0)
    package1946 (1.0.0)
    package1947 (1.0.0)
    package1948 (1.0.0)
    package1949 (1.0.0)
    package1950 (1.0.0)
    package1951 (1.0.0)
    package1952 (1.0.0)
    package1953 (1.0.0)
    package1954 (1.0.0)
    package1955 (1.0.0)
    package1956 (1.0.0)
    package1957 (1.0.0)
    package1958 (1.0.0)
    package1959 (1.0.0)
    package1960 (1.0.0)
    package1961 (1.0.0)
    package1962 (1.0.0)
    package1963 (1.0.0)
    package1964 (1.0.0)
    package1965 (1.0.0)
    package1966 (1.0.0)
    package1967 (1.0.0)
    package1968 (1.0.0)
    package1969 (1.0.0)
    package1970 (1.0.0)
    package1971 (1.0.0)
    package1972 (1.0.0)
    package1973 (1.0.0)
    package1974 (1.0.0)
    package1975 (1.0.0)
    package1976 (1.0.0)
    package1977 (1.0.0)
    package1978 (1.0.0)
    package1979 (1.0.0)
    package1980 (1.0.0)
    package1981 (1.0.0)
    package1982 (1.0.0)
    package1983 (1.0.0)
    package1984 (1.0.0)
    package1985 (1.0.0)
    package1986 (1.0.0)
    package1987 (1.0.0)
    package1988 (1.0.0)
    package1989 (1.0.0)
    package1990 (1.0.0)
    package1991 (1.0.0)
    package1992 (1.0.0)
    package1993 (1.0.0)
    package1994 (1.0.0)
    package1995 (1.0.0)
    package1996 (1.0.0)
    package1997 (1.0.0)
    package1998 (1.0.0)
    package1999 (1.0.0)
    package2000 (1.0.0)
    package2001 (1.0.0)
    package2002 (1.0.0)
    package2003 (1.0.0)
    package2004 (1.0.0)
    package2005 (1.0.0)
    package2006 (1.0.0)
    package2007 (1.0.0)
    package2008 (1.0.0)
    package2009 (1.0.0)
    package2010 (1.0.0)
    package2011 (1.0.0)
    package2012 (1.0.0)
    package2013 (1.0.0)
    package2014 (1.0.0)
    package2015 (1.0.0)
    package2016 (1.0.0)
    package2017 (1.0.0)
    package2018 (1.0.0)
    package2019 (1.0.0)
    package2020 (1.0.0)
    package2021 (1.0.0)
    package2022 (1.0.0)
    package2023 (1.0.0)
    package2024 (1.0.0)
    package2025 (1.0.0)
    package2026 (1.0.0)
    package2027 (1.0.0)
    package2028 (1.0.0)
    package2029 (1.0.0)
    package2030 (1.0.0)
    package2031 (1.0.0)
    package2032 (1.0.0)
    package2033 (1.0.0)
    package2034 (1.0.0)
    package2035 (1.0.0)
    package2036 (1.0.0)
    package2037 (1.0.0)
    package2038 (1.0.0)
    package2039 (1.0.0)
    package2040 (1.0.0)
    package2041 (1.0.0)
    package2042 (1.0.0)
    package2043 (1.0.0)
    package2044 (1.0.0)
    package2045 (1.0.0)
    package2046 (1.0.0)
    package2047 (1.0.0)
    package2048 (1.0.0)
    package2049 (1.0.0)
    package2050 (1.0.0)
    package2051 (1.0.0)
    package2052 (1.0.0)
    package2053 (1.0.0)
    package2054 (1.0.0)
    package2055 (1.0.0)
    package2056 (1.0.0)
    package2057 (1.0.0)
    package2058 (1.0.0)
    package2059 (1.0.0)
    package2060 (1.0.0)
    package2061 (1.0.0)
    package2062 (1.0.0)
    package2063 (1.0.0)
    package2064 (1.0.0)
    package2065 (1.0.0)
    package2066 (1.0.0)
    package2067 (1.0.0)
    package2068 (1.0.0)
    package2069 (1.0.0)
    package2070 (1.0.0)
    package2071 (1.0.0)
    package2072 (1.0.0)
    package2073 (1.0.0)
    package2074 (1.0.0)
    package2075 (1.0.0)
    package2076 (1.0.0)
    package2077 (1.0.0)
    package2078 (1.0.0)
    package2079 (1.0.0)
    package2080 (1.0.0)
    package2081 (1.0.0)
    package2082 (1.0.0)
    package2083 (1.0.0)
    package2084 (1.0.0)
    package2085 (1.0.0)
    package2086 (1.0.0)
    package2087 (1.0.0)
    package2088 (1.0.0)
    package2089 (1.0.0)
    package2090 (1.0.0)
    package2091 (1.0.0)
    package2092 (1.0.0)
    package2093 (1.0.0)
    package2094 (1.0.0)
    package2095 (1.0.0)
    package2096 (1.0.0)
    package2097 (1.0.0)
    package2098 (1.0.0)
    package2099 (1.0.0)
    package2100 (1.0.0)
    package2101 (1.0.0)
    package2102 (1.0.0)
    package2103 (1.0.0)
    package2104 (1.0.0)
    package2105 (1.0.0)
    package2106 (1.0.0)
    package2107 (1.0.0)
    package2108 (1.0.0)
    package2109 (1.0.0)
    package2110 (1.0.0)
    package2111 (1.0.0)
    package2112 (1.0.0)
    package2113 (1.0.0)
    package2114 (1.0.0)
    package2115 (1.0.0)
    package2116 (1.0.0)
    package2117 (1.0.0)
    package2118 (1.0.0)
    package2119 (1.0.0)
    package2120 (1.0.0)
    package2121 (1.0.0)
    package2122 (1.0.0)
    package2123 (1.0.0)
    package2124 (1.0.0)
    package2125 (1.0.0)
    package2126 (1.0.0)
    package2127 (1.0.0)
    package2128 (1.0.0)
    package2129 (1.0.0)
    package2130 (1.0.0)
    package2131 (1.0.0)
    package2132 (1.0.0)
    package2133 (1.0.0)
    package2134 (1.0.0)
    package2135 (1.0.0)
    package2136 (1.0.0)
    package2137 (1.0.0)
    package2138 (1.0.0)
    package2139 (1.0.0)
    package2140 (1.0.0)
    package2141 (1.0.0)
    package2142 (1.0.0)
    package2143 (1.0.0)
    package2144 (1.0.0)
    package2145 (1.0.0)
    package2146 (1.0.0)
    package2147 (1.0.0)
    package2148 (1.0.0)
    package2149 (1.0.0)
    package2150 (1.0.0)
    package2151 (1.0.0)
    package2152 (1.0.0)
    package2153 (1.0.0)
    package2154 (1.0.0)
    package2155 (1.0.0)
    package2156 (1.0.0)
    package2157 (1.0.0)
    package2158 (1.0.0)
    package2159 (1.0.0)
    package2160 (1.0.0)
    package2161 (1.0.0)
    package2162 (1.0.0)
    package2163 (1.0.0)
    package2164 (1.0.0)
    package2165 (1.0.0)
    package2166 (1.0.0)
    package2167 (1.0.0)
    package2168 (1.0.0)
    package2169 (1.0.0)
    package2170 (1.0.0)
    package2171 (1.0.0)
    package2172 (1.0.0)
    package2173 (1.0.0)
    package2174 (1.0.0)
    package2175 (1.0.0)
    package2176 (1.0.0)
    package2177 (1.0.0)
    package2178 (1.0.0)
    package2179 (1.0.0)
    package2180 (1.0.0)
    package2181 (1.0.0)
    package2182 (1.0.0)
    package2183 (1.0.0)
    package2184 (1.0.0)
    package2185 (1.0.0)
    package2186 (1.0.0)
    package2187 (1.0.0)
    package2188 (1.0.0)
    package2189 (1.0.0)
    package2190 (1.0.0)
    package2191 (1.0.0)
    package2192 (1.0.0)
    package2193 (1.0.0)
    package2194 (1.0.0)
    package2195 (1.0.0)
    package2196 (1.0.0)
    package2197 (1.0.0)
    package2198 (1.0.0)
    package2199 (1.0.0)
    package2200 (1.0.0)
    package2201 (1.0.0)
    package2202 (1.0.0)
    package2203 (1.0.0)
    package2204 (1.0.0)
    package2205 (1.0.0)
    package2206 (1.0.0)
    package2207 (1.0.0)
    package2208 (1.0.0)
    package2209 (1.0.0)
    package2210 (1.0.0)
    package2211 (1.0.0)
    package2212 (1.0.0)
    package2213 (1.0.0)
    package2214 (1.0.0)
    package2215 (1.0.0)
    package2216 (1.0.0)
    package2217 (1.0.0)
    package2218 (1.0.0)
    package2219 (1.0.0)
    package2220 (1.0.0)
    package2221 (1.0.0)
    package2222 (1.0.0)
    package2223 (1.0.0)
    package2224 (1.0.0)
    package2225 (1.0.0)
    package2226 (1.0.0)
    package2227 (1.0.0)
    package2228 (1.0.0)
    package2229 (1.0.0)
    package2230 (1.0.0)
    package2231 (1.0.0)
    package2232 (1.0.0)
    package2233 (1.0.0)
    package2234 (1.0.0)
    package2235 (1.0.0)
    package2236 (1.0.0)
    package2237 (1.0.0)
    package2238 (1.0.0)
    package2239 (1.0.0)
    package2240 (1.0.0)
    package2241 (1.0.0)
    package2242 (1.0.0)
    package2243 (1.0.0)
    package2244 (1.0.0)
    package2245 (1.0.0)
    package2246 (1.0.0)
    package2247 (1.0.0)
    package2248 (1.0.0)
    package2249 (1.0.0)
    package2250 (1.0.0)
    package2251 (1.0.0)
    package2252 (1.0.0)
    package2253 (1.0.0)
    package2254 (1.0.0)
    package2255 (1.0.0)
    package2256 (1.0.0)
    package2257 (1.0.0)
    package2258 (1.0.0)
    package2259 (1.0.0)
    package2260 (1.0.0)
    package2261 (1.0.0)
    package2262 (1.0.0)
    package2263 (1.0.0)
    package2264 (1.0.0)
    package2265 (1.0.0)
    package2266 (1.0.0)
    package2267 (1.0.0)
    package2268 (1.0.0)
    package2269 (1.0.0)
    package2270 (1.0.0)
    package2271 (1.0.0)
    package2272 (1.0.0)
    package2273 (1.0.0)
    package2274 (1.0.0)
    package2275 (1.0.0)
    package2276 (1.0.0)
    package2277 (1.0.0)
    package2278 (1.0.0)
    package2279 (1.0.0)
    package2280 (1.0.0)
    package2281 (1.0.0)
    package2282 (1.0.0)
    package2283 (1.0.0)
    package2284 (1.0.0)
    package2285 (1.0.0)
    package2286 (1.0.0)
    package2287 (1.0.0)
    package2288 (1.0.0)
    package2289 (1.0.0)
    package2290 (1.0.0)
    package2291 (1.0.0)
    package2292 (1.0.0)
    package2293 (1.0.0)
    package2294 (1.0.0)
    package2295 (1.0.0)
    package2296 (1.0.0)
    package2297 (1.0.0)
    package2298 (1.0.0)
    package2299 (1.0.0)
    package2300 (1.0.0)
    package2301 (1.0.0)
    package2302 (1.0.0)
    package2303 (1.0.0)
    package2304 (1.0.0)
    package2305 (1.0.0)
    package2306 (1.0.0)
    package2307 (1.0.0)
    package2308 (1.0.0)
    package2309 (1.0.0)
    package2310 (1.0.0)
    package2311 (1.0.0)
    package2312 (1.0.0)
    package2313 (1.0.0)
    package2314 (1.0.0)
    package2315 (1.0.0)
    package2316 (1.0.0)
    package2317 (1.0.0)
    package2318 (1.0.0)
    package2319 (1.0.0)
    package2320 (1.0.0)
    package2321 (1.0.0)
    package2322 (1.0.0)
    package2323 (1.0.0)
    package2324 (1.0.0)
    package2325 (1.0.0)
    package2326 (1.0.0)
    package2327 (1.0.0)
    package2328 (1.0.0)
    package2329 (1.0.0)
    package2330 (1.0.0)
    package2331 (1.0.0)
    package2332 (1.0.0)
    package2333 (1.0.0)
    package2334 (1.0.0)
    package2335 (1.0.0)
    package2336 (1.0.0)
    package2337 (1.0.0)
    package2338 (1.0.0)
    package2339 (1.0.0)
    package2340 (1.0.0)
    package2341 (1.0.0)
    package2342 (1.0.0)
    package2343 (1.0.0)
    package2344 (1.0.0)
    package2345 (1.0.0)
    package2346 (1.0.0)
    package2347 (1.0.0)
    package2348 (1.0.0)
    package2349 (1.0.0)
    package2350 (1.0.0)
    package2351 (1.0.0)
    package2352 (1.0.0)
    package2353 (1.0.0)
    package2354 (1.0.0)
    package2355 (1.0.0)
    package2356 (1.0.0)
    package2357 (1.0.0)
    package2358 (1.0.0)
    package2359 (1.0.0)
    package2360 (1.0.0)
    package2361 (1.0.0)
    package2362 (1.0.0)
    package2363 (1.0.0)
    package2364 (1.0.0)
    package2365 (1.0.0)
    package2366 (1.0.0)
    package2367 (1.0.0)
    package2368 (1.0.0)
    package2369 (1.0.0)
    package2370 (1.0.0)
    package2371 (1.0.0)
    package2372 (1.0.0)
    package2373 (1.0.0)
    package2374 (1.0.0)
    package2375 (1.0.0)
    package2376 (1.0.0)
    package2377 (1.0.0)
    package2378 (1.0.0)
    package2379 (1.0.0)
    package2380 (1.0.0)
    package2381 (1.0.0)
    package2382 (1.0.0)
    package2383 (1.0.0)
    package2384 (1.0.0)
    package2385 (1.0.0)
    package2386 (1.0.0)
    package2387 (1.0.0)
    package2388 (1.0.0)
    package2389 (1.0.0)
    package2390 (1.0.0)
    package2391 (1.0.0)
    package2392 (1.0.0)
    package2393 (1.0.0)
    package2394 (1.0.0)
    package2395 (1.0.0)
    package2396 (1.0.0)
    package2397 (1.0.0)
    package2398 (1.0.0)
    package2399 (1.0.0)
    package2400 (1.0.0)
    package2401 (1.0.0)
    package2402 (1.0.0)
    package2403 (1.0.0)
    package2404 (1.0.0)
    package2405 (1.0.0)
    package2406 (1.0.0)
    package2407 (1.0.0)
    package2408 (1.0.0)
    package2409 (1.0.0)
    package2410 (1.0.0)
    package2411 (1.0.0)
    package2412 (1.0.0)
    package2413 (1.0.0)
    package2414 (1.0.0)
    package2415 (1.0.0)
    package2416 (1.0.0)
    package2417 (1.0.0)
    package2418 (1.0.0)
    package2419 (1.0.0)
    package2420 (1.0.0)
    package2421 (1.0.0)
    package2422 (1.0.0)
    package2423 (1.0.0)
    package2424 (1.0.0)
    package2425 (1.0.0)
    package2426 (1.0.0)
    package2427 (1.0.0)
    package2428 (1.0.0)
    package2429 (1.0.0)
    package2430 (1.0.0)
    package2431 (1.0.0)
    package2432 (1.0.0)
    package2433 (1.0.0)
    package2434 (1.0.0)
    package2435 (1.0.0)
    package2436 (1.0.0)
    package2437 (1.0.0)
    package2438 (1.0.0)
    package2439 (1.0.0)
    package2440 (1.0.0)
    package2441 (1.0.0)
    package2442 (1.0.0)
    package2443 (1.0.0)
    package2444 (1.0.0)
    package2445 (1.0.0)
    package2446 (1.0.0)
    package2447 (1.0.0)
    package2448 (1.0.0)
    package2449 (1.0.0)
    package2450 (1.0.0)
    package2451 (1.0.0)
    package2452 (1.0.0)
    package2453 (1.0.0)
    package2454 (1.0.0)
    package2455 (1.0.0)
    package2456 (1.0.0)
    package2457 (1.0.0)
    package2458 (1.0.0)
    package2459 (1.0.0)
    package2460 (1.0.0)
    package2461 (1.0.0)
    package2462 (1.0.0)
    package2463 (1.0.0)
    package2464 (1.0.0)
    package2465 (1.0.0)
    package2466 (1.0.0)
    package2467 (1.0.0)
    package2468 (1.0.0)
    package2469 (1.0.0)
    package2470 (1.0.0)
    package2471 (1.0.0)
    package2472 (1.0.0)
    package2473 (1.0.0)
    package2474 (1.0.0)
    package2475 (1.0.0)
    package2476 (1.0.0)
    package2477 (1.0.0)
    package2478 (1.0.0)
    package2479 (1.0.0)
    package2480 (1.0.0)
    package2481 (1.0.0)
    package2482 (1.0.0)
    package2483 (1.0.0)
    package2484 (1.0.0)
    package2485 (1.0.0)
    package2486 (1.0.0)
    package2487 (1.0.0)
    package2488 (1.0.0)
    package2489 (1.0.0)
    package2490 (1.0.0)
    package2491 (1.0.0)
    package2492 (1.0.0)
    package2493 (1.0.0)
    package2494 (1.0.0)
    package2495 (1.0.0)
    package2496 (1.0.0)
    package2497 (1.0.0)
    package2498 (1.0.0)
    package2499 (1.0.0)
    package2500 (1.0.0)
    package2501 (1.0.0)
    package2502 (1.0.0)
    package2503 (1.0.0)
    package2504 (1.0.0)
    package2505 (1.0.0)
    package2506 (1.0.0)
    package2507 (1.0.0)
    package2508 (1.0.0)
    package2509 (1.0.0)
    package2510 (1.0.0)
    package2511 (1.0.0)
    package2512 (1.0.0)
    package2513 (1.0.0)
    package2514 (1.0.0)
    package2515 (1.0.0)
    package2516 (1.0.0)
    package2517 (1.0.0)
    package2518 (1.0.0)
    package2519 (1.0.0)
    package2520 (1.0.0)
    package2521 (1.0.0)
    package2522 (1.0.0)
    package2523 (1.0.0)
    package2524 (1.0.0)
    package2525 (1.0.0)
    package2526 (1.0.0)
    package2527 (1.0.0)
    package2528 (1.0.0)
    package2529 (1.0.0)
    package2530 (1.0.0)
    package2531 (1.0.0)
    package2532 (1.0.0)
    package2533 (1.0.0)
    package2534 (1.0.0)
    package2535 (1.0.0)
    package2536 (1.0.0)
    package2537 (1.0.0)
    package2538 (1.0.0)
    package2539 (1.0.0)
    package2540 (1.0.0)
    package2541 (1.0.0)
    package2542 (1.0.0)
    package2543 (1.0.0)
    package2544 (1.0.0)
    package2545 (1.0.0)
    package2546 (1.0.0)
    package2547 (1.0.0)
    package2548 (1.0.0)
    package2549 (1.0.0)
    package2550 (1.0.0)
    package2551 (1.0.0)
    package2552 (1.0.0)
    package2553 (1.0.0)
    package2554 (1.0.0)
    package2555 (1.0.0)
    package2556 (1.0.0)
    package2557 (1.0.0)
    package2558 (1.0.0)
    package2559 (1.0.0)
    package2560 (1.0.0)
    package2561 (1.0.0)
    package2562 (1.0.0)
    package2563 (1.0.0)
    package2564 (1.0.0)
    package2565 (1.0.0)
    package2566 (1.0.0)
    package2567 (1.0.0)
    package2568 (1.0.0)
    package2569 (1.0.0)
    package2570 (1.0.0)
    package2571 (1.0.0)
    package2572 (1.0.0)
    package2573 (1.0.0)
    package2574 (1.0.0)
    package2575 (1.0.0)
    package2576 (1.0.0)
    package2577 (1.0.0)
    package2578 (1.0.0)
    package2579 (1.0.0)
    package2580 (1.0.0)
    package2581 (1.0.0)
    package2582 (1.0.0)
    package2583 (1.0.0)
    package2584 (1.0.0)
    package2585 (1.0.0)
    package2586 (1.0.0)
    package2587 (1.0.0)
    package2588 (1.0.0)
    package2589 (1.0.0)
    package2590 (1.0.0)
    package2591 (1.0.0)
    package2592 (1.0.0)
    package2593 (1.0.0)
    package2594 (1.0.0)
    package2595 (1.0.0)
    package2596 (1.0.0)
    package2597 (1.0.0)
    package2598 (1.0.0)
    package2599 (1.0.0)
    package2600 (1.0.0)
    package2601 (1.0.0)
    package2602 (1.0.0)
    package2603 (1.0.0)
    package2604 (1.0.0)
    package2605 (1.0.0)
    package2606 (1.0.0)
    package2607 (1.0.0)
    package2608 (1.0.0)
    package2609 (1.0.0)
    package2610 (1.0.0)
    package2611 (1.0.0)
    package2612 (1.0.0)
    package2613 (1.0.0)
    package2614 (1.0.0)
    package2615 (1.0.0)
    package2616 (1.0.0)
    package2617 (1.0.0)
    package2618 (1.0.0)
    package2619 (1.0.0)
    package2620 (1.0.0)
    package2621 (1.0.0)
    package2622 (1.0.0)
    package2623 (1.0.0)
    package2624 (1.0.0)
    package2625 (1.0.0)
    package2626 (1.0.0)
    package2627 (1.0.0)
    package2628 (1.0.0)
    package2629 (1.0.0)
    package2630 (1.0.0)
    package2631 (1.0.0)
    package2632 (1.0.0)
    package2633 (1.0.0)
    package2634 (1.0.0)
    package2635 (1.0.0)
    package2636 (1.0.0)
    package2637 (1.0.0)
    package2638 (1.0.0)
    package2639 (1.0.0)
    package2640 (1.0.0)
    package2641 (1.0.0)
    package2642 (1.0.0)
    package2643 (1.0.0)
    package2644 (1.0.0)
    package2645 (1.0.0)
    package2646 (1.0.0)
    package2647 (1.0.0)
    package2648 (1.0.0)
    package2649 (1.0.0)
    package2650 (1.0.0)
    package2651 (1.0.0)
    package2652 (1.0.0)
    package2653 (1.0.0)
    package2654 (1.0.0)
    package2655 (1.0.0)
    package2656 (1.0.0)
    package2657 (1.0.0)
    package2658 (1.0.0)
    package2659 (1.0.0)
    package2660 (1.0.0)
    package2661 (1.0.0)
    package2662 (1.0.0)
    package2663 (1.0.0)
    package2664 (1.0.0)
    package2665 (1.0.0)
    package2666 (1.0.0)
    package2667 (1.0.0)
    package2668 (1.0.0)
    package2669 (1.0.0)
    package2670 (1.0.0)
    package2671 (1.0.0)
    package2672 (1.0.0)
    package2673 (1.0.0)
    package2674 (1.0.0)
    package2675 (1.0.0)
    package2676 (1.0.0)
    package2677 (1.0.0)
    package2678 (1.0.0)
    package2679 (1.0.0)
    package2680 (1.0.0)
    package2681 (1.0.0)
    package2682 (1.0.0)
    package2683 (1.0.0)
    package2684 (1.0.0)
    package2685 (1.0.0)
    package2686 (1.0.0)
    package2687 (1.0.0)
    package2688 (1.0.0)
    package2689 (1.0.0)
    package2690 (1.0.0)
    package2691 (1.0.0)
    package2692 (1.0.0)
    package2693 (1.0.0)
    package2694 (1.0.0)
    package2695 (1.0.0)
    package2696 (1.0.0)
    package2697 (1.0.0)
    package2698 (1.0.0)
    package2699 (1.0.0)
    package2700 (1.0.0)
    package2701 (1.0.0)
    package2702 (1.0.0)
    package2703 (1.0.0)
    package2704 (1.0.0)
    package2705 (1.0.0)
    package2706 (1.0.0)
    package2707 (1.0.0)
    package2708 (1.0.0)
    package2709 (1.0.0)
    package2710 (1.0.0)
    package2711 (1.0.0)
    package2712 (1.0.0)
    package2713 (1.0.0)
    package2714 (1.0.0)
    package2715 (1.0.0)
    package2716 (1.0.0)
    package2717 (1.0.0)
    package2718 (1.0.0)
    package2719 (1.0.0)
    package2720 (1.0.0)
    package2721 (1.0.0)
    package2722 (1.0.0)
    package2723 (1.0.0)
    package2724 (1.0.0)
    package2725 (1.0.0)
    package2726 (1.0.0)
    package2727 (1.0.0)
    package2728 (1.0.0)
    package2729 (1.0.0)
    package2730 (1.0.0)
    package2731 (1.0.0)
    package2732 (1.0.0)
    package2733 (1.0.0)
    package2734 (1.0.0)
    package2735 (1.0.0)
    package2736 (1.0.0)
    package2737 (1.0.0)
    package2738 (1.0.0)
    package2739 (1.0.0)
    package2740 (1.0.0)
    package2741 (1.0.0)
    package2742 (1.0.0)
    package2743 (1.0.0)
    package2744 (1.0.0)
    package2745 (1.0.0)
    package2746 (1.0.0)
    package2747 (1.0.0)
    package2748 (1.0.0)
    package2749 (1.0.0)
    package2750 (1.0.0)
    package2751 (1.0.0)
    package2752 (1.0.0)
    package2753 (1.0.0)
    package2754 (1.0.0)
    package2755 (1.0.0)
    package2756 (1.0.0)
    package2757 (1.0.0)
    package2758 (1.0.0)
    package2759 (1.0.0)
    package2760 (1.0.0)
    package2761 (1.0.0)
    package2762 (1.0.0)
    package2763 (1.0.0)
    package2764 (1.0.0)
    package2765 (1.0.0)
    package2766 (1.0.0)
    package2767 (1.0.0)
    package2768 (1.0.0)
    package2769 (1.0.0)
    package2770 (1.0.0)
    package2771 (1.0.0)
    package2772 (1.0.0)
    package2773 (1.0.0)
    package2774 (1.0.0)
    package2775 (1.0.0)
    package2776 (1.0.0)
    package2777 (1.0.0)
    package2778 (1.0.0)
    package2779 (1.0.0)
    package2780 (1.0.0)
    package2781 (1.0.0)
    package2782 (1.0.0)
    package2783 (1.0.0)
    package2784 (1.0.0)
    package2785 (1.0.0)
    package2786 (1.0.0)
    package2787 (1.0.0)
    package2788 (1.0.0)
    package2789 (1.0.0)
    package2790 (1.0.0)
    package2791 (1.0.0)
    package2792 (1.0.0)
    package2793 (1.0.0)
    package2794 (1.0.0)
    package2795 (1.0.0)
    package2796 (1.0.0)
    package2797 (1.0.0)
    package2798 (1.0.0)
    package2799 (1.0.0)
    package2800 (1.0.0)
    package2801 (1.0.0)
    package2802 (1.0.0)
    package2803 (1.0.0)
    package2804 (1.0.0)
    package2805 (1.0.0)
    package2806 (1.0.0)
    package2807 (1.0.0)
    package2808 (1.0.0)
    package2809 (1.0.0)
    package2810 (1.0.0)
    package2811 (1.0.0)
    package2812 (1.0.0)
    package2813 (1.0.0)
    package2814 (1.0.0)
    package2815 (1.0.0)
    package2816 (1.0.0)
    package2817 (1.0.0)
    package2818 (1.0.0)
    package2819 (1.0.0)
    package2820 (1.0.0)
    package2821 (1.0.0)
    package2822 (1.0.0)
    package2823 (1.0.0)
    package2824 (1.0.0)
    package2825 (1.0.0)
    package2826 (1.0.0)
    package2827 (1.0.0)
    package2828 (1.0.0)
    package2829 (1.0.0)
    package2830 (1.0.0)
    package2831 (1.0.0)
    package2832 (1.0.0)
    package2833 (1.0.0)
    package2834 (1.0.0)
    package2835 (1.0.0)
    package2836 (1.0.0)
    package2837 (1.0.0)
    package2838 (1.0.0)
    package2839 (1.0.0)
    package2840 (1.0.0)
    package2841 (1.0.0)
    package2842 (1.0.0)
    package2843 (1.0.0)
    package2844 (1.0.0)
    package2845 (1.0.0)
    package2846 (1.0.0)
    package2847 (1.0.0)
    package2848 (1.0.0)
    package2849 (1.0.0)
    package2850 (1.0.0)
    package2851 (1.0.0)
    package2852 (1.0.0)
    package2853 (1.0.0)
    package2854 (1.0.0)
    package2855 (1.0.0)
    package2856 (1.0.0)
    package2857 (1.0.0)
    package2858 (1.0.0)
    package2859 (1.0.0)
    package2860 (1.0.0)
    package2861 (1.0.0)
    package2862 (1.0.0)
    package2863 (1.0.0)
    package2864 (1.0.0)
    package2865 (1.0.0)
    package2866 (1.0.0)
    package2867 (1.0.0)
    package2868 (1.0.0)
    package2869 (1.0.0)
    package2870 (1.0.0)
    package2871 (1.0.0)
    package2872 (1.0.0)
    package2873 (1.0.0)
    package2874 (1.0.0)
    package2875 (1.0.0)
    package2876 (1.0.0)
    package2877 (1.0.0)
    package2878 (1.0.0)
    package2879 (1.0.0)
    package2880 (1.0.0)
    package2881 (1.0.0)
    package2882 (1.0.0)
    package2883 (1.0.0)
    package2884 (1.0.0)
    package2885 (1.0.0)
    package2886 (1.0.0)
    package2887 (1.0.0)
    package2888 (1.0.0)
    package2889 (1.0.0)
    package2890 (1.0.0)
    package2891 (1.0.0)
    package2892 (1.0.0)
    package2893 (1.0.0)
    package2894 (1.0.0)
    package2895 (1.0.0)
    package2896 (1.0.0)
    package2897 (1.0.0)
    package2898 (1.0.0)
    package2899 (1.0.0)
    package2900 (1.0.0)
    package2901 (1.0.0)
    package2902 (1.0.0)
    package2903 (1.0.0)
    package2904 (1.0.0)
    package2905 (1.0.0)
    package2906 (1.0.0)
    package2907 (1.0.0)
    package2908 (1.0.0)
    package2909 (1.0.0)
    package2910 (1.0.0)
    package2911 (1.0.0)
    package2912 (1.0.0)
    package2913 (1.0.0)
    package2914 (1.0.0)
    package2915 (1.0.0)
    package2916 (1.0.0)
    package2917 (1.0.0)
    package2918 (1.0.0)
    package2919 (1.0.0)
    package2920 (1.0.0)
    package2921 (1.0.0)
    package2922 (1.0.0)
    package2923 (1.0.0)
    package2924 (1.0.0)
    package2925 (1.0.0)
    package2926 (1.0.0)
    package2927 (1.0.0)
    package2928 (1.0.0)
    package2929 (1.0.0)
    package2930 (1.0.0)
    package2931 (1.0.0)
    package2932 (1.0.0)
    package2933 (1.0.0)
    package2934 (1.0.0)
    package2935 (1.0.0)
    package2936 (1.0.0)
    package2937 (1.0.0)
    package2938 (1.0.0)
    package2939 (1.0.0)
    package2940 (1.0.0)
    package2941 (1.0.0)
    package2942 (1.0.0)
    package2943 (1.0.0)
    package2944 (1.0.0)
    package2945 (1.0.0)
    package2946 (1.0.0)
    package2947 (1.0.0)
    package2948 (1.0.0)
    package2949 (1.0.0)
    package2950 (1.0.0)
    package2951 (1.0.0)
    package2952 (1.0.0)
    package2953 (1.0.0)
    package2954 (1.0.0)
    package2955 (1.0.0)
    package2956 (1.0.0)
    package2957 (1.0.0)
    package2958 (1.0.0)
    package2959 (1.0.0)
    package2960 (1.0.0)
    package2961 (1.0.0)
    package2962 (1.0.0)
    package2963 (1.0.0)
    package2964 (1.0.0)
    package2965 (1.0.0)
    package2966 (1.0.0)
    package2967 (1.0.0)
    package2968 (1.0.0)
    package2969 (1.0.0)
    package2970 (1.0.0)
    package2971 (1.0.0)
    package2972 (1.0.0)
    package2973 (1.0.0)
    package2974 (1.0.0)
    package2975 (1.0.0)
    package2976 (1.0.0)
    package2977 (1.0.0)
    package2978 (1.0.0)
    package2979 (1.0.0)
    package2980 (1.0.0)
    package2981 (1.0.0)
    package2982 (1.0.0)
    package2983 (1.0.0)
    package2984 (1.0.0)
    package2985 (1.0.0)
    package2986 (1.0.0)
    package2987 (1.0.0)
    package2988 (1.0.0)
    package2989 (1.0.0)
    package2990 (1.0.0)
    package2991 (1.0.0)
    package2992 (1.0.0)
    package2993 (1.0.0)
    package2994 (1.0.0)
    package2995 (1.0.0)
    package2996 (1.0.0)
    package2997 (1.0.0)
    package2998 (1.0.0)
    package2999 (1.0.0)
    package3000 (1.0.0)
    package3001 (1.0.0)
    package3002 (1.0.0)
    package3003 (1.0.0)
    package3004 (1.0.0)
    package3005 (1.0.0)
    package3006 (1.0.0)
    package3007 (1.0.0)
    package3008 (1.0.0)
    package3009 (1.0.0)
    package3010 (1.0.0)
    package3011 (1.0.0)
    package3012 (1.0.0)
    package3013 (1.0.0)
    package3014 (1.0.0)
    package3015 (1.0.0)
    package3016 (1.0.0)
    package3017 (1.0.0)
    package3018 (1.0.0)
    package3019 (1.0.0)
    package3020 (1.0.0)
    package3021 (1.0.0)
    package3022 (1.0.0)
    package3023 (1.0.0)
    package3024 (1.0.0)
    package3025 (1.0.0)
    package3026 (1.0.0)
    package3027 (1.0.0)
    package3028 (1.0.0)
    package3029 (1.0.0)
    package3030 (1.0.0)
    package3031 (1.0.0)
    package3032 (1.0.0)
    package3033 (1.0.0)
    package3034 (1.0.0)
    package3035 (1.0.0)
    package3036 (1.0.0)
    package3037 (1.0.0)
    package3038 (1.0.0)
    package3039 (1.0.0)
    package3040 (1.0.0)
    package3041 (1.0.0)
    package3042 (1.0.0)
    package3043 (1.0.0)
    package3044 (1.0.0)
    package3045 (1.0.0)
    package3046 (1.0.0)
    package3047 (1.0.0)
    package3048 (1.0.0)
    package3049 (1.0.0)
    package3050 (1.0.0)
    package3051 (1.0.0)
    package3052 (1.0.0)
    package3053 (1.0.0)
    package3054 (1.0.0)
    package3055 (1.0.0)
    package3056 (1.0.0)
    package3057 (1.0.0)
    package3058 (1.0.0)
    package3059 (1.0.0)
    package3060 (1.0.0)
    package3061 (1.0.0)
    package3062 (1.0.0)
    package3063 (1.0.0)
    package3064 (1.0.0)
    package3065 (1.0.0)
    package3066 (1.0.0)
    package3067 (1.0.0)
    package3068 (1.0.0)
    package3069 (1.0.0)
    package3070 (1.0.0)
    package3071 (1.0.0)
    package3072 (1.0.0)
    package3073 (1.0.0)
    package3074 (1.0.0)
    package3075 (1.0.0)
    package3076 (1.0.0)
    package3077 (1.0.0)
    package3078 (1.0.0)
    package3079 (1.0.0)
    package3080 (1.0.0)
    package3081 (1.0.0)
    package3082 (1.0.0)
    package3083 (1.0.0)
    package3084 (1.0.0)
    package3085 (1.0.0)
    package3086 (1.0.0)
    package3087 (1.0.0)
    package3088 (1.0.0)
    package3089 (1.0.0)
    package3090 (1.0.0)
    package3091 (1.0.0)
    package3092 (1.0.0)
    package3093 (1.0.0)
    package3094 (1.0.0)
    package3095 (1.0.0)
    package3096 (1.0.0)
    package3097 (1.0.0)
    package3098 (1.0.0)
    package3099 (1.0.0)
    package3100 (1.0.0)
    package3101 (1.0.0)
    package3102 (1.0.0)
    package3103 (1.0.0)
    package3104 (1.0.0)
    package3105 (1.0.0)
    package3106 (1.0.0)
    package3107 (1.0.0)
    package3108 (1.0.0)
    package3109 (1.0.0)
    package3110 (1.0.0)
    package3111 (1.0.0)
    package3112 (1.0.0)
    package3113 (1.0.0)
    package3114 (1.0.0)
    package3115 (1.0.0)
    package3116 (1.0.0)
    package3117 (1.0.0)
    package3118 (1.0.0)
    package3119 (1.0.0)
    package3120 (1.0.0)
    package3121 (1.0.0)
    package3122 (1.0.0)
    package3123 (1.0.0)
    package3124 (1.0.0)
    package3125 (1.0.0)
    package3126 (1.0.0)
    package3127 (1.0.0)
    package3128 (1.0.0)
    package3129 (1.0.0)
    package3130 (1.0.0)
    package3131 (1.0.0)
    package3132 (1.0.0)
    package3133 (1.0.0)
    package3134 (1.0.0)
    package3135 (1.0.0)
    package3136 (1.0.0)
    package3137 (1.0.0)
    package3138 (1.0.0)
    package3139 (1.0.0)
    package3140 (1.0.0)
    package3141 (1.0.0)
    package3142 (1.0.0)
    package3143 (1.0.0)
    package3144 (1.0.0)
    package3145 (1.0.0)
    package3146 (1.0.0)
    package3147 (1.0.0)
    package3148 (1.0.0)
    package3149 (1.0.0)
    package3150 (1.0.0)
    package3151 (1.0.0)
    package3152 (1.0.0)
    package3153 (1.0.0)
    package3154 (1.0.0)
    package3155 (1.0.0)
    package3156 (1.0.0)
    package3157 (1.0.0)
    package3158 (1.0.0)
    package3159 (1.0.0)
    package3160 (1.0.0)
    package3161 (1.0.0)
    package3162 (1.0.0)
    package3163 (1.0.0)
    package3164 (1.0.0)
    package3165 (1.0.0)
    package3166 (1.0.0)
    package3167 (1.0.0)
    package3168 (1.0.0)
    package3169 (1.0.0)
    package3170 (1.0.0)
    package3171 (1.0.0)
    package3172 (1.0.0)
    package3173 (1.0.0)
    package3174 (1.0.0)
    package3175 (1.0.0)
    package3176 (1.0.0)
    package3177 (1.0.0)
    package3178 (1.0.0)
    package3179 (1.0.0)
    package3180 (1.0.0)
    package3181 (1.0.0)
    package3182 (1.0.0)
    package3183 (1.0.0)
    package3184 (1.0.0)
    package3185 (1.0.0)
    package3186 (1.0.0)
    package3187 (1.0.0)
    package3188 (1.0.0)
    package3189 (1.0.0)
    package3190 (1.0.0)
    package3191 (1.0.0)
    package3192 (1.0.0)
    package3193 (1.0.0)
    package3194 (1.0.0)
    package3195 (1.0.0)
    package3196 (1.0.0)
    package3197 (1.0.0)
    package3198 (1.0.0)
    package3199 (1.0.0)
    package3200 (1.0.0)
    package3201 (1.0.0)
    package3202 (1.0.0)
    package3203 (1.0.0)
    package3204 (1.0.0)
    package3205 (1.0.0)
    package3206 (1.0.0)
    package3207 (1.0.0)
    package3208 (1.0.0)
    package3209 (1.0.0)
    package3210 (1.0.0)
    package3211 (1.0.0)
    package3212 (1.0.0)
    package3213 (1.0.0)
    package3214 (1.0.0)
    package3215 (1.0.0)
    package3216 (1.0.0)
    package3217 (1.0.0)
    package3218 (1.0.0)
    package3219 (1.0.0)
    package3220 (1.0.0)
    package3221 (1.0.0)
    package3222 (1.0.0)
    package3223 (1.0.0)
    package3224 (1.0.0)
    package3225 (1.0.0)
    package3226 (1.0.0)
    package3227 (1.0.0)
    package3228 (1.0.0)
    package3229 (1.0.0)
    package3230 (1.0.0)
    package3231 (1.0.0)
    package3232 (1.0.0)
    package3233 (1.0.0)
    package3234 (1.0.0)
    package3235 (1.0.0)
    package3236 (1.0.0)
    package3237 (1.0.0)
    package3238 (1.0.0)
    package3239 (1.0.0)
    package3240 (1.0.0)
    package3241 (1.0.0)
    package3242 (1.0.0)
    package3243 (1.0.0)
    package3244 (1.0.0)
    package3245 (1.0.0)
    package3246 (1.0.0)
    package3247 (1.0.0)
    package3248 (1.0.0)
    package3249 (1.0.0)
    package3250 (1.0.0)
    package3251 (1.0.0)
    package3252 (1.0.0)
    package3253 (1.0.0)
    package3254 (1.0.0)
    package3255 (1.0.0)
    package3256 (1.0.0)
    package3257 (1.0.0)
    package3258 (1.0.0)
    package3259 (1.0.0)
    package3260 (1.0.0)
    package3261 (1.0.0)
    package3262 (1.0.0)
    package3263 (1.0.0)
    package3264 (1.0.0)
    package3265 (1.0.0)
    package3266 (1.0.0)
    package3267 (1.0.0)
    package3268 (1.0.0)
    package3269 (1.0.0)
    package3270 (1.0.0)
    package3271 (1.0.0)
    package3272 (1.0.0)
    package3273 (1.0.0)
    package3274 (1.0.0)
    package3275 (1.0.0)
    package3276 (1.0.0)
    package3277 (1.0.0)
    package3278 (1.0.0)
    package3279 (1.0.0)
    package3280 (1.0.0)
    package3281 (1.0.0)
    package3282 (1.0.0)
    package3283 (1.0.0)
    package3284 (1.0.0)
    package3285 (1.0.0)
    package3286 (1.0.0)
    package3287 (1.0.0)
    package3288 (1.0.0)
    package3289 (1.0.0)
    package3290 (1.0.0)
    package3291 (1.0.0)
    package3292 (1.0.0)
    package3293 (1.0.0)
    package3294 (1.0.0)
    package3295 (1.0.0)
    package3296 (1.0.0)
    package3297 (1.0.0)
    package3298 (1.0.0)
    package3299 (1.0.0)
    package3300 (1.0.0)
    package3301 (1.0.0)
    package3302 (1.0.0)
    package3303 (1.0.0)
    package3304 (1.0.0)
    package3305 (1.0.0)
    package3306 (1.0.0)
    package3307 (1.0.0)
    package3308 (1.0.0)
    package3309 (1.0.0)
    package3310 (1.0.0)
    package3311 (1.0.0)
    package3312 (1.0.0)
    package3313 (1.0.0)
    package3314 (1.0.0)
    package3315 (1.0.0)
    package3316 (1.0.0)
    package3317 (1.0.0)
    package3318 (1.0.0)
    package3319 (1.0.0)
    package3320 (1.0.0)
    package3321 (1.0.0)
    package3322 (1.0.0)
    package3323 (1.0.0)
    package3324 (1.0.0)
    package3325 (1.0.0)
    package3326 (1.0.0)
    package3327 (1.0.0)
    package3328 (1.0.0)
    package3329 (1.0.0)
    package3330 (1.0.0)
    package3331 (1.0.0)
    package3332 (1.0.0)
    package3333 (1.0.0)
    package3334 (1.0.0)
    package3335 (1.0.0)
    package3336 (1.0.0)
    package3337 (1.0.0)
    package3338 (1.0.0)
    package3339 (1.0.0)
    package3340 (1.0.0)
    package3341 (1.0.0)
    package3342 (1.0.0)
    package3343 (1.0.0)
    package3344 (1.0.0)
    package3345 (1.0.0)
    package3346 (1.0.0)
    package3347 (1.0.0)
    package3348 (1.0.0)
    package3349 (1.0.0)
    package3350 (1.0.0)
    package3351 (1.0.0)
    package3352 (1.0.0)
    package3353 (1.0.0)
    package3354 (1.0.0)
    package3355 (1.0.0)
    package3356 (1.0.0)
    package3357 (1.0.0)
    package3358 (1.0.0)
    package3359 (1.0.0)
    package3360 (1.0.0)
    package3361 (1.0.0)
    package3362 (1.0.0)
    package3363 (1.0.0)
    package3364 (1.0.0)
    package3365 (1.0.0)
    package3366 (1.0.0)
    package3367 (1.0.0)
    package3368 (1.0.0)
    package3369 (1.0.0)
    package3370 (1.0.0)
    package3371 (1.0.0)
    package3372 (1.0.0)
    package3373 (1.0.0)
    package3374 (1.0.0)
    package3375 (1.0.0)
    package3376 (1.0.0)
    package3377 (1.0.0)
    package3378 (1.0.0)
    package3379 (1.0.0)
    package3380 (1.0.0)
    package3381 (1.0.0)
    package3382 (1.0.0)
    package3383 (1.0.0)
    package3384 (1.0.0)
    package3385 (1.0.0)
    package3386 (1.0.0)
    package3387 (1.0.0)
    package3388 (1.0.0)
    package3389 (1.0.0)
    package3390 (1.0.0)
    package3391 (1.0.0)
    package3392 (1.0.0)
    package3393 (1.0.0)
    package3394 (1.0.0)
    package3395 (1.0.0)
    package3396 (1.0.0)
    package3397 (1.0.0)
    package3398 (1.0.0)
    package3399 (1.0.0)
    package3400 (1.0.0)
    package3401 (1.0.0)
    package3402 (1.0.0)
    package3403 (1.0.0)
    package3404 (1.0.0)
    package3405 (1.0.0)
    package3406 (1.0.0)
    package3407 (1.0.0)
    package3408 (1.0.0)
    package3409 (1.0.0)
    package3410 (1.0.0)
    package3411 (1.0.0)
    package3412 (1.0.0)
    package3413 (1.0.0)
    package3414 (1.0.0)
    package3415 (1.0.0)
    package3416 (1.0.0)
    package3417 (1.0.0)
    package3418 (1.0.0)
    package3419 (1.0.0)
    package3420 (1.0.0)
    package3421 (1.0.0)
    package3422 (1.0.0)
    package3423 (1.0.0)
    package3424 (1.0.0)
    package3425 (1.0.0)
    package3426 (1.0.0)
    package3427 (1.0.0)
    package3428 (1.0.0)
    package3429 (1.0.0)
    package3430 (1.0.0)
    package3431 (1.0.0)
    package3432 (1.0.0)
    package3433 (1.0.0)
    package3434 (1.0.0)
    package3435 (1.0.0)
    package3436 (1.0.0)
    package3437 (1.0.0)
    package3438 (1.0.0)
    package3439 (1.0.0)
    package3440 (1.0.0)
    package3441 (1.0.0)
    package3442 (1.0.0)
    package3443 (1.0.0)
    package3444 (1.0.0)
    package3445 (1.0.0)
    package3446 (1.0.0)
    package3447 (1.0.0)
    package3448 (1.0.0)
    package3449 (1.0.0)
    package3450 (1.0.0)
    package3451 (1.0.0)
    package3452 (1.0.0)
    package3453 (1.0.0)
    package3454 (1.0.0)
    package3455 (1.0.0)
    package3456 (1.0.0)
    package3457 (1.0.0)
    package3458 (1.0.0)
    package3459 (1.0.0)
    package3460 (1.0.0)
    package3461 (1.0.0)
    package3462 (1.0.0)
    package3463 (1.0.0)
    package3464 (1.0.0)
    package3465 (1.0.0)
    package3466 (1.0.0)
    package3467 (1.0.0)
    package3468 (1.0.0)
    package3469 (1.0.0)
    package3470 (1.0.0)
    package3471 (1.0.0)
    package3472 (1.0.0)
    package3473 (1.0.0)
    package3474 (1.0.0)
    package3475 (1.0.0)
    package3476 (1.0.0)
    package3477 (1.0.0)
    package3478 (1.0.0)
    package3479 (1.0.0)
    package3480 (1.0.0)
    package3481 (1.0.0)
    package3482 (1.0.0)
    package3483 (1.0.0)
    package3484 (1.0.0)
    package3485 (1.0.0)
    package3486 (1.0.0)
    package3487 (1.0.0)
    package3488 (1.0.0)
    package3489 (1.0.0)
    package3490 (1.0.0)
    package3491 (1.0.0)
    package3492 (1.0.0)
    package3493 (1.0.0)
    package3494 (1.0.0)
    package3495 (1.0.0)
    package3496 (1.0.0)
    package3497 (1.0.0)
    package3498 (1.0.0)
    package3499 (1.0.0)
    package3500 (1.0.0)
    package3501 (1.0.0)
    package3502 (1.0.0)
    package3503 (1.0.0)
    package3504 (1.0.0)
    package3505 (1.0.0)
    package3506 (1.0.0)
    package3507 (1.0.0)
    package3508 (1.0.0)
    package3509 (1.0.0)
    package3510 (1.0.0)
    package3511 (1.0.0)
    package3512 (1.0.0)
    package3513 (1.0.0)
    package3514 (1.0.0)
    package3515 (1.0.0)
    package3516 (1.0.0)
    package3517 (1.0.0)
    package3518 (1.0.0)
    package3519 (1.0.0)
    package3520 (1.0.0)
    package3521 (1.0.0)
    package3522 (1.0.0)
    package3523 (1.0.0)
    package3524 (1.0.0)
    package3525 (1.0.0)
    package3526 (1.0.0)
    package3527 (1.0.0)
    package3528 (1.0.0)
    package3529 (1.0.0)
    package3530 (1.0.0)
    package3531 (1.0.0)
    package3532 (1.0.0)
    package3533 (1.0.0)
    package3534 (1.0.0)
    package3535 (1.0.0)
    package3536 (1.0.0)
    package3537 (1.0.0)
    package3538 (1.0.0)
    package3539 (1.0.0)
    package3540 (1.0.0)
    package3541 (1.0.0)
    package3542 (1.0.0)
    package3543 (1.0.0)
    package3544 (1.0.0)
    package3545 (1.0.0)
    package3546 (1.0.0)
    package3547 (1.0.0)
    package3548 (1.0.0)
    package3549 (1.0.0)
    package3550 (1.0.0)
    package3551 (1.0.0)
    package3552 (1.0.0)
    package3553 (1.0.0)
    package3554 (1.0.0)
    package3555 (1.0.0)
    package3556 (1.0.0)
    package3557 (1.0.0)
    package3558 (1.0.0)
    package3559 (1.0.0)
    package3560 (1.0.0)
    package3561 (1.0.0)
    package3562 (1.0.0)
    package3563 (1.0.0)
    package3564 (1.0.0)
    package3565 (1.0.0)
    package3566 (1.0.0)
    package3567 (1.0.0)
    package3568 (1.0.0)
    package3569 (1.0.0)
    package3570 (1.0.0)
    package3571 (1.0.0)
    package3572 (1.0.0)
    package3573 (1.0.0)
    package3574 (1.0.0)
    package3575 (1.0.0)
    package3576 (1.0.0)
    package3577 (1.0.0)
    package3578 (1.0.0)
    package3579 (1.0.0)
    package3580 (1.0.0)
    package3581 (1.0.0)
    package3582 (1.0.0)
    package3583 (1.0.0)
    package3584 (1.0.0)
    package3585 (1.0.0)
    package3586 (1.0.0)
    package3587 (1.0.0)
    package3588 (1.0.0)
    package3589 (1.0.0)
    package3590 (1.0.0)
    package3591 (1.0.0)
    package3592 (1.0.0)
    package3593 (1.0.0)
    package3594 (1.0.0)
    package3595 (1.0.0)
    package3596 (1.0.0)
    package3597 (1.0.0)
    package3598 (1.0.0)
    package3599 (1.0.0)
    package3600 (1.0.0)
    package3601 (1.0.0)
    package3602 (1.0.0)
    package3603 (1.0.0)
    package3604 (1.0.0)
    package3605 (1.0.0)
    package3606 (1.0.0)
    package3607 (1.0.0)
    package3608 (1.0.0)
    package3609 (1.0.0)
    package3610 (1.0.0)
    package3611 (1.0.0)
    package3612 (1.0.0)
    package3613 (1.0.0)
    package3614 (1.0.0)
    package3615 (1.0.0)
    package3616 (1.0.0)
    package3617 (1.0.0)
    package3618 (1.0.0)
    package3619 (1.0.0)
    package3620 (1.0.0)
    package3621 (1.0.0)
    package3622 (1.0.0)
    package3623 (1.0.0)
    package3624 (1.0.0)
    package3625 (1.0.0)
    package3626 (1.0.0)
    package3627 (1.0.0)
    package3628 (1.0.0)
    package3629 (1.0.0)
    package3630 (1.0.0)
    package3631 (1.0.0)
    package3632 (1.0.0)
    package3633 (1.0.0)
    package3634 (1.0.0)
    package3635 (1.0.0)
    package3636 (1.0.0)
    package3637 (1.0.0)
    package3638 (1.0.0)
    package3639 (1.0.0)
    package3640 (1.0.0)
    package3641 (1.0.0)
    package3642 (1.0.0)
    package3643 (1.0.0)
    package3644 (1.0.0)
    package3645 (1.0.0)
    package3646 (1.0.0)
    package3647 (1.0.0)
    package3648 (1.0.0)
    package3649 (1.0.0)
    package3650 (1.0.0)
    package3651 (1.0.0)
    package3652 (1.0.0)
    package3653 (1.0.0)
    package3654 (1.0.0)
    package3655 (1.0.0)
    package3656 (1.0.0)
    package3657 (1.0.0)
    package3658 (1.0.0)
    package3659 (1.0.0)
    package3660 (1.0.0)
    package3661 (1.0.0)
    package3662 (1.0.0)
    package3663 (1.0.0)
    package3664 (1.0.0)
    package3665 (1.0.0)
    package3666 (1.0.0)
    package3667 (1.0.0)
    package3668 (1.0.0)
    package3669 (1.0.0)
    package3670 (1.0.0)
    package3671 (1.0.0)
    package3672 (1.0.0)
    package3673 (1.0.0)
    package3674 (1.0.0)
    package3675 (1.0.0)
    package3676 (1.0.0)
    package3677 (1.0.0)
    package3678 (1.0.0)
    package3679 (1.0.0)
    package3680 (1.0.0)
    package3681 (1.0.0)
    package3682 (1.0.0)
    package3683 (1.0.0)
    package3684 (1.0.0)
    package3685 (1.0.0)
    package3686 (1.0.0)
    package3687 (1.0.0)
    package3688 (1.0.0)
    package3689 (1.0.0)
    package3690 (1.0.0)
    package3691 (1.0.0)
    package3692 (1.0.0)
    package3693 (1.0.0)
    package3694 (1.0.0)
    package3695 (1.0.0)
    package3696 (1.0.0)
    package3697 (1.0.0)
    package3698 (1.0.0)
    package3699 (1.0.0)
    package3700 (1.0.0)
    package3701 (1.0.0)
    package3702 (1.0.0)
    package3703 (1.0.0)
    package3704 (1.0.0)
    package3705 (1.0.0)
    package3706 (1.0.0)
    package3707 (1.0.0)
    package3708 (1.0.0)
    package3709 (1.0.0)
    package3710 (1.0.0)
    package3711 (1.0.0)
    package3712 (1.0.0)
    package3713 (1.0.0)
    package3714 (1.0.0)
    package3715 (1.0.0)
    package3716 (1.0.0)
    package3717 (1.0.0)
    package3718 (1.0.0)
    package3719 (1.0.0)
    package3720 (1.0.0)
    package3721 (1.0.0)
    package3722 (1.0.0)
    package3723 (1.0.0)
    package3724 (1.0.0)
    package3725 (1.0.0)
    package3726 (1.0.0)
    package3727 (1.0.0)
    package3728 (1.0.0)
    package3729 (1.0.0)
    package3730 (1.0.0)
    package3731 (1.0.0)
    package3732 (1.0.0)
    package3733 (1.0.0)
    package3734 (1.0.0)
    package3735 (1.0.0)
    package3736 (1.0.0)
    package3737 (1.0.0)
    package3738 (1.0.0)
    package3739 (1.0.0)
    package3740 (1.0.0)
    package3741 (1.0.0)
    package3742 (1.0.0)
    package3743 (1.0.0)
    package3744 (1.0.0)
    package3745 (1.0.0)
    package3746 (1.0.0)
    package3747 (1.0.0)
    package3748 (1.0.0)
    package3749 (1.0.0)
    package3750 (1.0.0)
    package3751 (1.0.0)
    package3752 (1.0.0)
    package3753 (1.0.0)
    package3754 (1.0.0)
    package3755 (1.0.0)
    package3756 (1.0.0)
    package3757 (1.0.0)
    package3758 (1.0.0)
    package3759 (1.0.0)
    package3760 (1.0.0)
    package3761 (1.0.0)
    package3762 (1.0.0)
    package3763 (1.0.0)
    package3764 (1.0.0)
    package3765 (1.0.0)
    package3766 (1.0.0)
    package3767 (1.0.0)
    package3768 (1.0.0)
    package3769 (1.0.0)
    package3770 (1.0.0)
    package3771 (1.0.0)
    package3772 (1.0.0)
    package3773 (1.0.0)
    package3774 (1.0.0)
    package3775 (1.0.0)
    package3776 (1.0.0)
    package3777 (1.0.0)
    package3778 (1.0.0)
    package3779 (1.0.0)
    package3780 (1.0.0)
    package3781 (1.0.0)
    package3782 (1.0.0)
    package3783 (1.0.0)
    package3784 (1.0.0)
    package3785 (1.0.0)
    package3786 (1.0.0)
    package3787 (1.0.0)
    package3788 (1.0.0)
    package3789 (1.0.0)
    package3790 (1.0.0)
    package3791 (1.0.0)
    package3792 (1.0.0)
    package3793 (1.0.0)
    package3794 (1.0.0)
    package3795 (1.0.0)
    package3796 (1.0.0)
    package3797 (1.0.0)
    package3798 (1.0.0)
    package3799 (1.0.0)
    package3800 (1.0.0)
    package3801 (1.0.0)
    package3802 (1.0.0)
    package3803 (1.0.0)
    package3804 (1.0.0)
    package3805 (1.0.0)
    package3806 (1.0.0)
    package3807 (1.0.0)
    package3808 (1.0.0)
    package3809 (1.0.0)
    package3810 (1.0.0)
    package3811 (1.0.0)
    package3812 (1.0.0)
    package3813 (1.0.0)
    package3814 (1.0.0)
    package3815 (1.0.0)
    package3816 (1.0.0)
    package3817 (1.0.0)
    package3818 (1.0.0)
    package3819 (1.0.0)
    package3820 (1.0.0)
    package3821 (1.0.0)
    package3822 (1.0.0)
    package3823 (1.0.0)
    package3824 (1.0.0)
    package3825 (1.0.0)
    package3826 (1.0.0)
    package3827 (1.0.0)
    package3828 (1.0.0)
    package3829 (1.0.0)
    package3830 (1.0.0)
    package3831 (1.0.0)
    package3832 (1.0.0)
    package3833 (1.0.0)
    package3834 (1.0.0)
    package3835 (1.0.0)
    package3836 (1.0.0)
    package3837 (1.0.0)
    package3838 (1.0.0)
    package3839 (1.0.0)
    package3840 (1.0.0)
    package3841 (1.0.0)
    package3842 (1.0.0)
    package3843 (1.0.0)
    package3844 (1.0.0)
    package3845 (1.0.0)
    package3846 (1.0.0)
    package3847 (1.0.0)
    package3848 (1.0.0)
    package3849 (1.0.0)
    package3850 (1.0.0)
    package3851 (1.0.0)
    package3852 (1.0.0)
    package3853 (1.0.0)
    package3854 (1.0.0)
    package3855 (1.0.0)
    package3856 (1.0.0)
    package3857 (1.0.0)
    package3858 (1.0.0)
    package3859 (1.0.0)
    package3860 (1.0.0)
    package3861 (1.0.0)
    package3862 (1.0.0)
    package3863 (1.0.0)
    package3864 (1.0.0)
    package3865 (1.0.0)
    package3866 (1.0.0)
    package3867 (1.0.0)
    package3868 (1.0.0)
    package3869 (1.0.0)
    package3870 (1.0.0)
    package3871 (1.0.0)
    package3872 (1.0.0)
    package3873 (1.0.0)
    package3874 (1.0.0)
    package3875 (1.0.0)
    package3876 (1.0.0)
    package3877 (1.0.0)
    package3878 (1.0.0)
    package3879 (1.0.0)
    package3880 (1.0.0)
    package3881 (1.0.0)
    package3882 (1.0.0)
    package3883 (1.0.0)
    package3884 (1.0.0)
    package3885 (1.0.0)
    package3886 (1.0.0)
    package3887 (1.0.0)
    package3888 (1.0.0)
    package3889 (1.0.0)
    package3890 (1.0.0)
    package3891 (1.0.0)
    package3892 (1.0.0)
    package3893 (1.0.0)
    package3894 (1.0.0)
    package3895 (1.0.0)
    package3896 (1.0.0)
    package3897 (1.0.0)
    package3898 (1.0.0)
    package3899 (1.0.0)
    package3900 (1.0.0)
    package3901 (1.0.0)
    package3902 (1.0.0)
    package3903 (1.0.0)
    package3904 (1.0.0)
    package3905 (1.0.0)
    package3906 (1.0.0)
    package3907 (1.0.0)
    package3908 (1.0.0)
    package3909 (1.0.0)
    package3910 (1.0.0)
    package3911 (1.0.0)
    package3912 (1.0.0)
    package3913 (1.0.0)
    package3914 (1.0.0)
    package3915 (1.0.0)
    package3916 (1.0.0)
    package3917 (1.0.0)
    package3918 (1.0.0)
    package3919 (1.0.0)
    package3920 (1.0.0)
    package3921 (1.0.0)
    package3922 (1.0.0)
    package3923 (1.0.0)
    package3924 (1.0.0)
    package3925 (1.0.0)
    package3926 (1.0.0)
    package3927 (1.0.0)
    package3928 (1.0.0)
    package3929 (1.0.0)
    package3930 (1.0.0)
    package3931 (1.0.0)
    package3932 (1.0.0)
    package3933 (1.0.0)
    package3934 (1.0.0)
    package3935 (1.0.0)
    package3936 (1.0.0)
    package3937 (1.0.0)
    package3938 (1.0.0)
    package3939 (1.0.0)
    package3940 (1.0.0)
    package3941 (1.0.0)
    package3942 (1.0.0)
    package3943 (1.0.0)
    package3944 (1.0.0)
    package3945 (1.0.0)
    package3946 (1.0.0)
    package3947 (1.0.0)
    package3948 (1.0.0)
    package3949 (1.0.0)
    package3950 (1.0.0)
    package3951 (1.0.0)
    package3952 (1.0.0)
    package3953 (1.0.0)
    package3954 (1.0.0)
    package3955 (1.0.0)
    package3956 (1.0.0)
    package3957 (1.0.0)
    package3958 (1.0.0)
    package3959 (1.0.0)
    package3960 (1.0.0)
    package3961 (1.0.0)
    package3962 (1.0.0)
    package3963 (1.0.0)
    package3964 (1.0.0)
    package3965 (1.0.0)
    package3966 (1.0.0)
    package3967 (1.0.0)
    package3968 (1.0.0)
    package3969 (1.0.0)
    package3970 (1.0.0)
    package3971 (1.0.0)
    package3972 (1.0.0)
    package3973 (1.0.0)
    package3974 (1.0.0)
    package3975 (1.0.0)
    package3976 (1.0.0)
    package3977 (1.0.0)
    package3978 (1.0.0)
    package3979 (1.0.0)
    package3980 (1.0.0)
    package3981 (1.0.0)
    package3982 (1.0.0)
    package3983 (1.0.0)
    package3984 (1.0.0)
    package3985 (1.0.0)
    package3986 (1.0.0)
    package3987 (1.0.0)
    package3988 (1.0.0)
    package3989 (1.0.0)
    package3990 (1.0.0)
    package3991 (1.0.0)
    package3992 (1.0.0)
    package3993 (1.0.0)
    package3994 (1.0.0)
    package3995 (1.0.0)
    package3996 (1.0.0)
    package3997 (1.0.0)
    package3998 (1.0.0)
    package3999 (1.0.0)
    package4000 (1.0.0)
    package4001 (1.0.0)
    package4002 (1.0.0)
    package4003 (1.0.0)
    package4004 (1.0.0)
    package4005 (1.0.0)
    package4006 (1.0.0)
    package4007 (1.0.0)
    package4008 (1.0.0)
    package4009 (1.0.0)
    package4010 (1.0.0)
    package4011 (1.0.0)
    package4012 (1.0.0)
    package4013 (1.0.0)
    package4014 (1.0.0)
    package4015 (1.0.0)
    package4016 (1.0.0)
    package4017 (1.0.0)
    package4018 (1.0.0)
    package4019 (1.0.0)
    package4020 (1.0.0)
    package4021 (1.0.0)
    package4022 (1.0.0)
    package4023 (1.0.0)
    package4024 (1.0.0)
    package4025 (1.0.0)
    package4026 (1.0.0)
    package4027 (1.0.0)
    package4028 (1.0.0)
    package4029 (1.0.0)
    package4030 (1.0.0)
    package4031 (1.0.0)
    package4032 (1.0.0)
    package4033 (1.0.0)
    package4034 (1.0.0)
    package4035 (1.0.0)
    package4036 (1.0.0)
    package4037 (1.0.0)
    package4038 (1.0.0)
    package4039 (1.0.0)
    package4040 (1.0.0)
    package4041 (1.0.0)
    package4042 (1.0.0)
    package4043 (1.0.0)
    package4044 (1.0.0)
    package4045 (1.0.0)
    package4046 (1.0.0)
    package4047 (1.0.0)
    package4048 (1.0.0)
    package4049 (1.0.0)
    package4050 (1.0.0)
    package4051 (1.0.0)
    package4052 (1.0.0)
    package4053 (1.0.0)
    package4054 (1.0.0)
    package4055 (1.0.0)
    package4056 (1.0.0)
    package4057 (1.0.0)
    package4058 (1.0.0)
    package4059 (1.0.0)
    package4060 (1.0.0)
    package4061 (1.0.0)
    package4062 (1.0.0)
    package4063 (1.0.0)
    package4064 (1.0.0)
    package4065 (1.0.0)
    package4066 (1.0.0)
    package4067 (1.0.0)
    package4068 (1.0.0)
    package4069 (1.0.0)
    package4070 (1.0.0)
    package4071 (1.0.0)
    package4072 (1.0.0)
    package4073 (1.0.0)
    package4074 (1.0.0)
    package4075 (1.0.0)
    package4076 (1.0.0)
    package4077 (1.0.0)
    package4078 (1.0.0)
    package4079 (1.0.0)
    package4080 (1.0.0)
    package4081 (1.0.0)
    package4082 (1.0.0)
    package4083 (1.0.0)
    package4084 (1.0.0)
    package4085 (1.0.0)
    package4086 (1.0.0)
    package4087 (1.0.0)
    package4088 (1.0.0)
    package4089 (1.0.0)
    package4090 (1.0.0)
    package4091 (1.0.0)
    package4092 (1.0.0)
    package4093 (1.0.0)
    package4094 (1.0.0)
    package4095 (1.0.0)
    package4096 (1.0.0)
    package4097 (1.0.0)
    package4098 (1.0.0)
    package4099 (1.0.0)
    package4100 (1.0.0)
    package4101 (1.0.0)
    package4102 (1.0.0)
    package4103 (1.0.0)
    package4104 (1.0.0)
    package4105 (1.0.0)
    package4106 (1.0.0)
    package4107 (1.0.0)
    package4108 (1.0.0)
    package4109 (1.0.0)
    package4110 (1.0.0)
    package4111 (1.0.0)
    package4112 (1.0.0)
    package4113 (1.0.0)
    package4114 (1.0.0)
    package4115 (1.0.0)
    package4116 (1.0.0)
    package4117 (1.0.0)
    package4118 (1.0.0)
    package4119 (1.0.0)
    package4120 (1.0.0)
    package4121 (1.0.0)
    package4122 (1.0.0)
    package4123 (1.0.0)
    package4124 (1.0.0)
    package4125 (1.0.0)
    package4126 (1.0.0)
    package4127 (1.0.0)
    package4128 (1.0.0)
    package4129 (1.0.0)
    package4130 (1.0.0)
    package4131 (1.0.0)
    package4132 (1.0.0)
    package4133 (1.0.0)
    package4134 (1.0.0)
    package4135 (1.0.0)
    package4136 (1.0.0)
    package4137 (1.0.0)
    package4138 (1.0.0)
    package4139 (1.0.0)
    package4140 (1.0.0)
    package4141 (1.0.0)
    package4142 (1.0.0)
    package4143 (1.0.0)
    package4144 (1.0.0)
    package4145 (1.0.0)
    package4146 (1.0.0)
    package4147 (1.0.0)
    package4148 (1.0.0)
    package4149 (1.0.0)
    package4150 (1.0.0)
    package4151 (1.0.0)
    package4152 (1.0.0)
    package4153 (1.0.0)
    package4154 (1.0.0)
    package4155 (1.0.0)
    package4156 (1.0.0)
    package4157 (1.0.0)
    package4158 (1.0.0)
    package4159 (1.0.0)
    package4160 (1.0.0)
    package4161 (1.0.0)
    package4162 (1.0.0)
    package4163 (1.0.0)
    package4164 (1.0.0)
    package4165 (1.0.0)
    package4166 (1.0.0)
    package4167 (1.0.0)
    package4168 (1.0.0)
    package4169 (1.0.0)
    package4170 (1.0.0)
    package4171 (1.0.0)
    package4172 (1.0.0)
    package4173 (1.0.0)
    package4174 (1.0.0)
    package4175 (1.0.0)
    package4176 (1.0.0)
    package4177 (1.0.0)
    package4178 (1.0.0)
    package4179 (1.0.0)
    package4180 (1.0.0)
    package4181 (1.0.0)
    package4182 (1.0.0)
    package4183 (1.0.0)
    package4184 (1.0.0)
    package4185 (1.0.0)
    package4186 (1.0.0)
    package4187 (1.0.0)
    package4188 (1.0.0)
    package4189 (1.0.0)
    package4190 (1.0.0)
    package4191 (1.0.0)
    package4192 (1.0.0)
    package4193 (1.0.0)
    package4194 (1.0.0)
    package4195 (1.0.0)
    package4196 (1.0.0)
    package4197 (1.0.0)
    package4198 (1.0.0)
    package4199 (1.0.0)
    package4200 (1.0.0)
    package4201 (1.0.0)
    package4202 (1.0.0)
    package4203 (1.0.0)
    package4204 (1.0.0)
    package4205 (1.0.0)
    package4206 (1.0.0)
    package4207 (1.0.0)
    package4208 (1.0.0)
    package4209 (1.0.0)
    package4210 (1.0.0)
    package4211 (1.0.0)
    package4212 (1.0.0)
    package4213 (1.0.0)
    package4214 (1.0.0)
    package4215 (1.0.0)
    package4216 (1.0.0)
    package4217 (1.0.0)
    package4218 (1.0.0)
    package4219 (1.0.0)
    package4220 (1.0.0)
    package4221 (1.0.0)
    package4222 (1.0.0)
    package4223 (1.0.0)
    package4224 (1.0.0)
    package4225 (1.0.0)
    package4226 (1.0.0)
    package4227 (1.0.0)
    package4228 (1.0.0)
    package4229 (1.0.0)
    package4230 (1.0.0)
    package4231 (1.0.0)
    package4232 (1.0.0)
    package4233 (1.0.0)
    package4234 (1.0.0)
    package4235 (1.0.0)
    package4236 (1.0.0)
    package4237 (1.0.0)
    package4238 (1.0.0)
    package4239 (1.0.0)
    package4240 (1.0.0)
    package4241 (1.0.0)
    package4242 (1.0.0)
    package4243 (1.0.0)
    package4244 (1.0.0)
    package4245 (1.0.0)
    package4246 (1.0.0)
    package4247 (1.0.0)
    package4248 (1.0.0)
    package4249 (1.0.0)
    package4250 (1.0.0)
    package4251 (1.0.0)
    package4252 (1.0.0)
    package4253 (1.0.0)
    package4254 (1.0.0)
    package4255 (1.0.0)
    package4256 (1.0.0)
    package4257 (1.0.0)
    package4258 (1.0.0)
    package4259 (1.0.0)
    package4260 (1.0.0)
    package4261 (1.0.0)
    package4262 (1.0.0)
    package4263 (1.0.0)
    package4264 (1.0.0)
    package4265 (1.0.0)
    package4266 (1.0.0)
    package4267 (1.0.0)
    package4268 (1.0.0)
    package4269 (1.0.0)
    package4270 (1.0.0)
    package4271 (1.0.0)
    package4272 (1.0.0)
    package4273 (1.0.0)
    package4274 (1.0.0)
    package4275 (1.0.0)
    package4276 (1.0.0)
    package4277 (1.0.0)
    package4278 (1.0.0)
    package4279 (1.0.0)
    package4280 (1.0.0)
    package4281 (1.0.0)
    package4282 (1.0.0)
    package4283 (1.0.0)
    package4284 (1.0.0)
    package4285 (1.0.0)
    package4286 (1.0.0)
    package4287 (1.0.0)
    package4288 (1.0.0)
    package4289 (1.0.0)
    package4290 (1.0.0)
    package4291 (1.0.0)
    package4292 (1.0.0)
    package4293 (1.0.0)
    package4294 (1.0.0)
    package4295 (1.0.0)
    package4296 (1.0.0)
    package4297 (1.0.0)
    package4298 (1.0.0)
    package4299 (1.0.0)
    package4300 (1.0.0)
    package4301 (1.0.0)
    package4302 (1.0.0)
    package4303 (1.0.0)
    package4304 (1.0.0)
    package4305 (1.0.0)
    package4306 (1.0.0)
    package4307 (1.0.0)
    package4308 (1.0.0)
    package4309 (1.0.0)
    package4310 (1.0.0)
    package4311 (1.0.0)
    package4312 (1.0.0)
    package4313 (1.0.0)
    package4314 (1.0.0)
    package4315 (1.0.0)
    package4316 (1.0.0)
    package4317 (1.0.0)
    package4318 (1.0.0)
    package4319 (1.0.0)
    package4320 (1.0.0)
    package4321 (1.0.0)
    package4322 (1.0.0)
    package4323 (1.0.0)
    package4324 (1.0.0)
    package4325 (1.0.0)
    package4326 (1.0.0)
    package4327 (1.0.0)
    package4328 (1.0.0)
    package4329 (1.0.0)
    package4330 (1.0.0)
    package4331 (1.0.0)
    package4332 (1.0.0)
    package4333 (1.0.0)
    package4334 (1.0.0)
    package4335 (1.0.0)
    package4336 (1.0.0)
    package4337 (1.0.0)
    package4338 (1.0.0)
    package4339 (1.0.0)
    package4340 (1.0.0)
    package4341 (1.0.0)
    package4342 (1.0.0)
    package4343 (1.0.0)
    package4344 (1.0.0)
    package4345 (1.0.0)
    package4346 (1.0.0)
    package4347 (1.0.0)
    package4348 (1.0.0)
    package4349 (1.0.0)
    package4350 (1.0.0)
    package4351 (1.0.0)
    package4352 (1.0.0)
    package4353 (1.0.0)
    package4354 (1.0.0)
    package4355 (1.0.0)
    package4356 (1.0.0)
    package4357 (1.0.0)
    package4358 (1.0.0)
    package4359 (1.0.0)
    package4360 (1.0.0)
    package4361 (1.0.0)
    package4362 (1.0.0)
    package4363 (1.0.0)
    package4364 (1.0.0)
    package4365 (1.0.0)
    package4366 (1.0.0)
    package4367 (1.0.0)
    package4368 (1.0.0)
    package4369 (1.0.0)
    package4370 (1.0.0)
    package4371 (1.0.0)
    package4372 (1.0.0)
    package4373 (1.0.0)
    package4374 (1.0.0)
    package4375 (1.0.0)
    package4376 (1.0.0)
    package4377 (1.0.0)
    package4378 (1.0.0)
    package4379 (1.0.0)
    package4380 (1.0.0)
    package4381 (1.0.0)
    package4382 (1.0.0)
    package4383 (1.0.0)
    package4384 (1.0.0)
    package4385 (1.0.0)
    package4386 (1.0.0)
    package4387 (1.0.0)
    package4388 (1.0.0)
    package4389 (1.0.0)
    package4390 (1.0.0)
    package4391 (1.0.0)
    package4392 (1.0.0)
    package4393 (1.0.0)
    package4394 (1.0.0)
    package4395 (1.0.0)
    package4396 (1.0.0)
    package4397 (1.0.0)
    package4398 (1.0.0)
    package4399 (1.0.0)
    package4400 (1.0.0)
    package4401 (1.0.0)
    package4402 (1.0.0)
    package4403 (1.0.0)
    package4404 (1.0.0)
    package4405 (1.0.0)
    package4406 (1.0.0)
    package4407 (1.0.0)
    package4408 (1.0.0)
    package4409 (1.0.0)
    package4410 (1.0.0)
    package4411 (1.0.0)
    package4412 (1.0.0)
    package4413 (1.0.0)
    package4414 (1.0.0)
    package4415 (1.0.0)
    package4416 (1.0.0)
    package4417 (1.0.0)
    package4418 (1.0.0)
    package4419 (1.0.0)
    package4420 (1.0.0)
    package4421 (1.0.0)
    package4422 (1.0.0)
    package4423 (1.0.0)
    package4424 (1.0.0)
    package4425 (1.0.0)
    package4426 (1.0.0)
    package4427 (1.0.0)
    package4428 (1.0.0)
    package4429 (1.0.0)
    package4430 (1.0.0)
    package4431 (1.0.0)
    package4432 (1.0.0)
    package4433 (1.0.0)
    package4434 (1.0.0)
    package4435 (1.0.0)
    package4436 (1.0.0)
    package4437 (1.0.0)
    package4438 (1.0.0)
    package4439 (1.0.0)
    package4440 (1.0.0)
    package4441 (1.0.0)
    package4442 (1.0.0)
    package4443 (1.0.0)
    package4444 (1.0.0)
    package4445 (1.0.0)
    package4446 (1.0.0)
    package4447 (1.0.0)
    package4448 (1.0.0)
    package4449 (1.0.0)
    package4450 (1.0.0)
    package4451 (1.0.0)
    package4452 (1.0.0)
    package4453 (1.0.0)
    package4454 (1.0.0)
    package4455 (1.0.0)
    package4456 (1.0.0)
    package4457 (1.0.0)
    package4458 (1.0.0)
    package4459 (1.0.0)
    package4460 (1.0.0)
    package4461 (1.0.0)
    package4462 (1.0.0)
    package4463 (1.0.0)
    package4464 (1.0.0)
    package4465 (1.0.0)
    package4466 (1.0.0)
    package4467 (1.0.0)
    package4468 (1.0.0)
    package4469 (1.0.0)
    package4470 (1.0.0)
    package4471 (1.0.0)
    package4472 (1.0.0)
    package4473 (1.0.0)
    package4474 (1.0.0)
    package4475 (1.0.0)
    package4476 (1.0.0)
    package4477 (1.0.0)
    package4478 (1.0.0)
    package4479 (1.0.0)
    package4480 (1.0.0)
    package4481 (1.0.0)
    package4482 (1.0.0)
    package4483 (1.0.0)
    package4484 (1.0.0)
    package4485 (1.0.0)
    package4486 (1.0.0)
    package4487 (1.0.0)
    package4488 (1.0.0)
    package4489 (1.0.0)
    package4490 (1.0.0)
    package4491 (1.0.0)
    package4492 (1.0.0)
    package4493 (1.0.0)
    package4494 (1.0.0)
    package4495 (1.0.0)
    package4496 (1.0.0)
    package4497 (1.0.0)
    package4498 (1.0.0)
    package4499 (1.0.0)
    package4500 (1.0.0)
    package4501 (1.0.0)
    package4502 (1.0.0)
    package4503 (1.0.0)
    package4504 (1.0.0)
    package4505 (1.0.0)
    package4506 (1.0.0)
    package4507 (1.0.0)
    package4508 (1.0.0)
    package4509 (1.0.0)
    package4510 (1.0.0)
    package4511 (1.0.0)
    package4512 (1.0.0)
    package4513 (1.0.0)
    package4514 (1.0.0)
    package4515 (1.0.0)
    package4516 (1.0.0)
    package4517 (1.0.0)
    package4518 (1.0.0)
    package4519 (1.0.0)
    package4520 (1.0.0)
    package4521 (1.0.0)
    package4522 (1.0.0)
    package4523 (1.0.0)
    package4524 (1.0.0)
    package4525 (1.0.0)
    package4526 (1.0.0)
    package4527 (1.0.0)
    package4528 (1.0.0)
    package4529 (1.0.0)
    package4530 (1.0.0)
    package4531 (1.0.0)
    package4532 (1.0.0)
    package4533 (1.0.0)
    package4534 (1.0.0)
    package4535 (1.0.0)
    package4536 (1.0.0)
    package4537 (1.0.0)
    package4538 (1.0.0)
    package4539 (1.0.0)
    package4540 (1.0.0)
    package4541 (1.0.0)
    package4542 (1.0.0)
    package4543 (1.0.0)
    package4544 (1.0.0)
    package4545 (1.0.0)
    package4546 (1.0.0)
    package4547 (1.0.0)
    package4548 (1.0.0)
    package4549 (1.0.0)
    package4550 (1.0.0)
    package4551 (1.0.0)
    package4552 (1.0.0)
    package4553 (1.0.0)
    package4554 (1.0.0)
    package4555 (1.0.0)
    package4556 (1.0.0)
    package4557 (1.0.0)
    package4558 (1.0.0)
    package4559 (1.0.0)
    package4560 (1.0.0)
    package4561 (1.0.0)
    package4562 (1.0.0)
    package4563 (1.0.0)
    package4564 (1.0.0)
    package4565 (1.0.0)
    package4566 (1.0.0)
    package4567 (1.0.0)
    package4568 (1.0.0)
    package4569 (1.0.0)
    package4570 (1.0.0)
    package4571 (1.0.0)
    package4572 (1.0.0)
    package4573 (1.0.0)
    package4574 (1.0.0)
    package4575 (1.0.0)
    package4576 (1.0.0)
    package4577 (1.0.0)
    package4578 (1.0.0)
    package4579 (1.0.0)
    package4580 (1.0.0)
    package4581 (1.0.0)
    package4582 (1.0.0)
    package4583 (1.0.0)
    package4584 (1.0.0)
    package4585 (1.0.0)
    package4586 (1.0.0)
    package4587 (1.0.0)
    package4588 (1.0.0)
    package4589 (1.0.0)
    package4590 (1.0.0)
    package4591 (1.0.0)
    package4592 (1.0.0)
    package4593 (1.0.0)
    package4594 (1.0.0)
    package4595 (1.0.0)
    package4596 (1.0.0)
    package4597 (1.0.0)
    package4598 (1.0.0)
    package4599 (1.0.0)
    package4600 (1.0.0)
    package4601 (1.0.0)
    package4602 (1.0.0)
    package4603 (1.0.0)
    package4604 (1.0.0)
    package4605 (1.0.0)
    package4606 (1.0.0)
    package4607 (1.0.0)
    package4608 (1.0.0)
    package4609 (1.0.0)
    package4610 (1.0.0)
    package4611 (1.0.0)
    package4612 (1.0.0)
    package4613 (1.0.0)
    package4614 (1.0.0)
    package4615 (1.0.0)
    package4616 (1.0.0)
    package4617 (1.0.0)
    package4618 (1.0.0)
    package4619 (1.0.0)
    package4620 (1.0.0)
    package4621 (1.0.0)
    package4622 (1.0.0)
    package4623 (1.0.0)
    package4624 (1.0.0)
    package4625 (1.0.0)
    package4626 (1.0.0)
    package4627 (1.0.0)
    package4628 (1.0.0)
    package4629 (1.0.0)
    package4630 (1.0.0)
    package4631 (1.0.0)
    package4632 (1.0.0)
    package4633 (1.0.0)
    package4634 (1.0.0)
    package4635 (1.0.0)
    package4636 (1.0.0)
    package4637 (1.0.0)
    package4638 (1.0.0)
    package4639 (1.0.0)
    package4640 (1.0.0)
    package4641 (1.0.0)
    package4642 (1.0.0)
    package4643 (1.0.0)
    package4644 (1.0.0)
    package4645 (1.0.0)
    package4646 (1.0.0)
    package4647 (1.0.0)
    package4648 (1.0.0)
    package4649 (1.0.0)
    package4650 (1.0.0)
    package4651 (1.0.0)
    package4652 (1.0.0)
    package4653 (1.0.0)
    package4654 (1.0.0)
    package4655 (1.0.0)
    package4656 (1.0.0)
    package4657 (1.0.0)
    package4658 (1.0.0)
    package4659 (1.0.0)
    package4660 (1.0.0)
    package4661 (1.0.0)
    package4662 (1.0.0)
    package4663 (1.0.0)
    package4664 (1.0.0)
    package4665 (1.0.0)
    package4666 (1.0.0)
    package4667 (1.0.0)
    package4668 (1.0.0)
    package4669 (1.0.0)
    package4670 (1.0.0)
    package4671 (1.0.0)
    package4672 (1.0.0)
    package4673 (1.0.0)
    package4674 (1.0.0)
    package4675 (1.0.0)
    package4676 (1.0.0)
    package4677 (1.0.0)
    package4678 (1.0.0)
    package4679 (1.0.0)
    package4680 (1.0.0)
    package4681 (1.0.0)
    package4682 (1.0.0)
    package4683 (1.0.0)
    package4684 (1.0.0)
    package4685 (1.0.0)
    package4686 (1.0.0)
    package4687 (1.0.0)
    package4688 (1.0.0)
    package4689 (1.0.0)
    package4690 (1.0.0)
    package4691 (1.0.0)
    package4692 (1.0.0)
    package4693 (1.0.0)
    package4694 (1.0.0)
    package4695 (1.0.0)
    package4696 (1.0.0)
    package4697 (1.0.0)
    package4698 (1.0.0)
    package4699 (1.0.0)
    package4700 (1.0.0)
    package4701 (1.0.0)
    package4702 (1.0.0)
    package4703 (1.0.0)
    package4704 (1.0.0)
    package4705 (1.0.0)
    package4706 (1.0.0)
    package4707 (1.0.0)
    package4708 (1.0.0)
    package4709 (1.0.0)
    package4710 (1.0.0)
    package4711 (1.0.0)
    package4712 (1.0.0)
    package4713 (1.0.0)
    package4714 (1.0.0)
    package4715 (1.0.0)
    package4716 (1.0.0)
    package4717 (1.0.0)
    package4718 (1.0.0)
    package4719 (1.0.0)
    package4720 (1.0.0)
    package4721 (1.0.0)
    package4722 (1.0.0)
    package4723 (1.0.0)
    package4724 (1.0.0)
    package4725 (1.0.0)
    package4726 (1.0.0)
    package4727 (1.0.0)
    package4728 (1.0.0)
    package4729 (1.0.0)
    package4730 (1.0.0)
    package4731 (1.0.0)
    package4732 (1.0.0)
    package4733 (1.0.0)
    package4734 (1.0.0)
    package4735 (1.0.0)
    package4736 (1.0.0)
    package4737 (1.0.0)
    package4738 (1.0.0)
    package4739 (1.0.0)
    package4740 (1.0.0)
    package4741 (1.0.0)
    package4742 (1.0.0)
    package4743 (1.0.0)
    package4744 (1.0.0)
    package4745 (1.0.0)
    package4746 (1.0.0)
    package4747 (1.0.0)
    package4748 (1.0.0)
    package4749 (1.0.0)
    package4750 (1.0.0)
    package4751 (1.0.0)
    package4752 (1.0.0)
    package4753 (1.0.0)
    package4754 (1.0.0)
    package4755 (1.0.0)
    package4756 (1.0.0)
    package4757 (1.0.0)
    package4758 (1.0.0)
    package4759 (1.0.0)
    package4760 (1.0.0)
    package4761 (1.0.0)
    package4762 (1.0.0)
    package4763 (1.0.0)
    package4764 (1.0.0)
    package4765 (1.0.0)
    package4766 (1.0.0)
    package4767 (1.0.0)
    package4768 (1.0.0)
    package4769 (1.0.0)
    package4770 (1.0.0)
    package4771 (1.0.0)
    package4772 (1.0.0)
    package4773 (1.0.0)
    package4774 (1.0.0)
    package4775 (1.0.0)
    package4776 (1.0.0)
    package4777 (1.0.0)
    package4778 (1.0.0)
    package4779 (1.0.0)
    package4780 (1.0.0)
    package4781 (1.0.0)
    package4782 (1.0.0)
    package4783 (1.0.0)
    package4784 (1.0.0)
    package4785 (1.0.0)
    package4786 (1.0.0)
    package4787 (1.0.0)
    package4788 (1.0.0)
    package4789 (1.0.0)
    package4790 (1.0.0)
    package4791 (1.0.0)
    package4792 (1.0.0)
    package4793 (1.0.0)
    package4794 (1.0.0)
    package4795 (1.0.0)
    package4796 (1.0.0)
    package4797 (1.0.0)
    package4798 (1.0.0)
    package4799 (1.0.0)
    package4800 (1.0.0)
    package4801 (1.0.0)
    package4802 (1.0.0)
    package4803 (1.0.0)
    package4804 (1.0.0)
    package4805 (1.0.0)
    package4806 (1.0.0)
    package4807 (1.0.0)
    package4808 (1.0.0)
    package4809 (1.0.0)
    package4810 (1.0.0)
    package4811 (1.0.0)
    package4812 (1.0.0)
    package4813 (1.0.0)
    package4814 (1.0.0)
    package4815 (1.0.0)
    package4816 (1.0.0)
    package4817 (1.0.0)
    package4818 (1.0.0)
    package4819 (1.0.0)
    package4820 (1.0.0)
    package4821 (1.0.0)
    package4822 (1.0.0)
    package4823 (1.0.0)
    package4824 (1.0.0)
    package4825 (1.0.0)
    package4826 (1.0.0)
    package4827 (1.0.0)
    package4828 (1.0.0)
    package4829 (1.0.0)
    package4830 (1.0.0)
    package4831 (1.0.0)
    package4832 (1.0.0)
    package4833 (1.0.0)
    package4834 (1.0.0)
    package4835 (1.0.0)
    package4836 (1.0.0)
    package4837 (1.0.0)
    package4838 (1.0.0)
    package4839 (1.0.0)
    package4840 (1.0.0)
    package4841 (1.0.0)
    package4842 (1.0.0)
    package4843 (1.0.0)
    package4844 (1.0.0)
    package4845 (1.0.0)
    package4846 (1.0.0)
    package4847 (1.0.0)
    package4848 (1.0.0)
    package4849 (1.0.0)
    package4850 (1.0.0)
    package4851 (1.0.0)
    package4852 (1.0.0)
    package4853 (1.0.0)
    package4854 (1.0.0)
    package4855 (1.0.0)
    package4856 (1.0.0)
    package4857 (1.0.0)
    package4858 (1.0.0)
    package4859 (1.0.0)
    package4860 (1.0.0)
    package4861 (1.0.0)
    package4862 (1.0.0)
    package4863 (1.0.0)
    package4864 (1.0.0)
    package4865 (1.0.0)
    package4866 (1.0.0)
    package4867 (1.0.0)
    package4868 (1.0.0)
    package4869 (1.0.0)
    package4870 (1.0.0)
    package4871 (1.0.0)
    package4872 (1.0.0)
    package4873 (1.0.0)
    package4874 (1.0.0)
    package4875 (1.0.0)
    package4876 (1.0.0)
    package4877 (1.0.0)
    package4878 (1.0.0)
    package4879 (1.0.0)
    package4880 (1.0.0)
    package4881 (1.0.0)
    package4882 (1.0.0)
    package4883 (1.0.0)
    package4884 (1.0.0)
    package4885 (1.0.0)
    package4886 (1.0.0)
    package4887 (1.0.0)
    package4888 (1.0.0)
    package4889 (1.0.0)
    package4890 (1.0.0)
    package4891 (1.0.0)
    package4892 (1.0.0)
    package4893 (1.0.0)
    package4894 (1.0.0)
    package4895 (1.0.0)
    package4896 (1.0.0)
    package4897 (1.0.0)
    package4898 (1.0.0)
    package4899 (1.0.0)
    package4900 (1.0.0)
    package4901 (1.0.0)
    package4902 (1.0.0)
    package4903 (1.0.0)
    package4904 (1.0.0)
    package4905 (1.0.0)
    package4906 (1.0.0)
    package4907 (1.0.0)
    package4908 (1.0.0)
    package4909 (1.0.0)
    package4910 (1.0.0)
    package4911 (1.0.0)
    package4912 (1.0.0)
    package4913 (1.0.0)
    package4914 (1.0.0)
    package4915 (1.0.0)
    package4916 (1.0.0)
    package4917 (1.0.0)
    package4918 (1.0.0)
    package4919 (1.0.0)
    package4920 (1.0.0)
    package4921 (1.0.0)
    package4922 (1.0.0)
    package4923 (1.0.0)
    package4924 (1.0.0)
    package4925 (1.0.0)
    package4926 (1.0.0)
    package4927 (1.0.0)
    package4928 (1.0.0)
    package4929 (1.0.0)
    package4930 (1.0.0)
    package4931 (1.0.0)
    package4932 (1.0.0)
    package4933 (1.0.0)
    package4934 (1.0.0)
    package4935 (1.0.0)
    package4936 (1.0.0)
    package4937 (1.0.0)
    package4938 (1.0.0)
    package4939 (1.0.0)
    package4940 (1.0.0)
    package4941 (1.0.0)
    package4942 (1.0.0)
    package4943 (1.0.0)
    package4944 (1.0.0)
    package4945 (1.0.0)
    package4946 (1.0.0)
    package4947 (1.0.0)
    package4948 (1.0.0)
    package4949 (1.0.0)
    package4950 (1.0.0)
    package4951 (1.0.0)
    package4952 (1.0.0)
    package4953 (1.0.0)
    package4954 (1.0.0)
    package4955 (1.0.0)
    package4956 (1.0.0)
    package4957 (1.0.0)
    package4958 (1.0.0)
    package4959 (1.0.0)
    package4960 (1.0.0)
    package4961 (1.0.0)
    package4962 (1.0.0)
    package4963 (1.0.0)
    package4964 (1.0.0)
    package4965 (1.0.0)
    package4966 (1.0.0)
    package4967 (1.0.0)
    package4968 (1.0.0)
    package4969 (1.0.0)
    package4970 (1.0.0)
    package4971 (1.0.0)
    package4972 (1.0.0)
    package4973 (1.0.0)
    package4974 (1.0.0)
    package4975 (1.0.0)
    package4976 (1.0.0)
    package4977 (1.0.0)
    package4978 (1.0.0)
    package4979 (1.0.0)
    package4980 (1.0.0)
    package4981 (1.0.0)
    package4982 (1.0.0)
    package4983 (1.0.0)
    package4984 (1.0.0)
    package4985 (1.0.0)
    package4986 (1.0.0)
    package4987 (1.0.0)
    package4988 (1.0.0)
    package4989 (1.0.0)
    package4990 (1.0.0)
    package4991 (1.0.0)
    package4992 (1.0.0)
    package4993 (1.0.0)
    package4994 (1.0.0)
    package4995 (1.0.0)
    package4996 (1.0.0)
    package4997 (1.0.0)
    package4998 (1.0.0)
    package4999 (1.0.0)
    package5000 (1.0.0)
    package5001 (1.0.0)
    package5002 (1.0.0)
    package5003 (1.0.0)
    package5004 (1.0.0)
    package5005 (1.0.0)
    package5006 (1.0.0)
    package5007 (1.0.0)
    package5008 (1.0.0)
    package5009 (1.0.0)
    package5010 (1.0.0)
    package5011 (1.0.0)
    package5012 (1.0.0)
    package5013 (1.0.0)
    package5014 (1.0.0)
    package5015 (1.0.0)
    package5016 (1.0.0)
    package5017 (1.0.0)
    package5018 (1.0.0)
    package5019 (1.0.0)
    package5020 (1.0.0)
    package5021 (1.0.0)
    package5022 (1.0.0)
    package5023 (1.0.0)
    package5024 (1.0.0)
    package5025 (1.0.0)
    package5026 (1.0.0)
    package5027 (1.0.0)
    package5028 (1.0.0)
    package5029 (1.0.0)
    package5030 (1.0.0)
    package5031 (1.0.0)
    package5032 (1.0.0)
    package5033 (1.0.0)
    package5034 (1.0.0)
    package5035 (1.0.0)
    package5036 (1.0.0)
    package5037 (1.0.0)
    package5038 (1.0.0)
    package5039 (1.0.0)
    package5040 (1.0.0)
    package5041 (1.0.0)
    package5042 (1.0.0)
    package5043 (1.0.0)
    package5044 (1.0.0)
    package5045 (1.0.0)
    package5046 (1.0.0)
    package5047 (1.0.0)
    package5048 (1.0.0)
    package5049 (1.0.0)
    package5050 (1.0.0)
    package5051 (1.0.0)
    package5052 (1.0.0)
    package5053 (1.0.0)
    package5054 (1.0.0)
    package5055 (1.0.0)
    package5056 (1.0.0)
    package5057 (1.0.0)
    package5058 (1.0.0)
    package5059 (1.0.0)
    package5060 (1.0.0)
    package5061 (1.0.0)
    package5062 (1.0.0)
    package5063 (1.0.0)
    package5064 (1.0.0)
    package5065 (1.0.0)
    package5066 (1.0.0)
    package5067 (1.0.0)
    package5068 (1.0.0)
    package5069 (1.0.0)
    package5070 (1.0.0)
    package5071 (1.0.0)
    package5072 (1.0.0)
    package5073 (1.0.0)
    package5074 (1.0.0)
    package5075 (1.0.0)
    package5076 (1.0.0)
    package5077 (1.0.0)
    package5078 (1.0.0)
    package5079 (1.0.0)
    package5080 (1.0.0)
    package5081 (1.0.0)
    package5082 (1.0.0)
    package5083 (1.0.0)
    package5084 (1.0.0)
    package5085 (1.0.0)
    package5086 (1.0.0)
    package5087 (1.0.0)
    package5088 (1.0.0)
    package5089 (1.0.0)
    package5090 (1.0.0)
    package5091 (1.0.0)
    package5092 (1.0.0)
    package5093 (1.0.0)
    package5094 (1.0.0)
    package5095 (1.0.0)
    package5096 (1.0.0)
    package5097 (1.0.0)
    package5098 (1.0.0)
    package5099 (1.0.0)
    package5100 (1.0.0)
    package5101 (1.0.0)
    package5102 (1.0.0)
    package5103 (1.0.0)
    package5104 (1.0.0)
    package5105 (1.0.0)
    package5106 (1.0.0)
    package5107 (1.0.0)
    package5108 (1.0.0)
    package5109 (1.0.0)
    package5110 (1.0.0)
    package5111 (1.0.0)
    package5112 (1.0.0)
    package5113 (1.0.0)
    package5114 (1.0.0)
    package5115 (1.0.0)
    package5116 (1.0.0)
    package5117 (1.0.0)
    package5118 (1.0.0)
    package5119 (1.0.0)
    package5120 (1.0.0)
    package5121 (1.0.0)
    package5122 (1.0.0)
    package5123 (1.0.0)
    package5124 (1.0.0)
    package5125 (1.0.0)
    package5126 (1.0.0)
    package5127 (1.0.0)
    package5128 (1.0.0)
    package5129 (1.0.0)
    package5130 (1.0.0)
    package5131 (1.0.0)
    package5132 (1.0.0)
    package5133 (1.0.0)
    package5134 (1.0.0)
    package5135 (1.0.0)
    package5136 (1.0.0)
    package5137 (1.0.0)
    package5138 (1.0.0)
    package5139 (1.0.0)
    package5140 (1.0.0)
    package5141 (1.0.0)
    package5142 (1.0.0)
    package5143 (1.0.0)
    package5144 (1.0.0)
    package5145 (1.0.0)
    package5146 (1.0.0)
    package5147 (1.0.0)
    package5148 (1.0.0)
    package5149 (1.0.0)
    package5150 (1.0.0)
    package5151 (1.0.0)
    package5152 (1.0.0)
    package5153 (1.0.0)
    package5154 (1.0.0)
    package5155 (1.0.0)
    package5156 (1.0.0)
    package5157 (1.0.0)
    package5158 (1.0.0)
    package5159 (1.0.0)
    package5160 (1.0.0)
    package5161 (1.0.0)
    package5162 (1.0.0)
    package5163 (1.0.0)
    package5164 (1.0.0)
    package5165 (1.0.0)
    package5166 (1.0.0)
    package5167 (1.0.0)
    package5168 (1.0.0)
    package5169 (1.0.0)
    package5170 (1.0.0)
    package5171 (1.0.0)
    package5172 (1.0.0)
    package5173 (1.0.0)
    package5174 (1.0.0)
    package5175 (1.0.0)
    package5176 (1.0.0)
    package5177 (1.0.0)
    package5178 (1.0.0)
    package5179 (1.0.0)
    package5180 (1.0.0)
    package5181 (1.0.0)
    package5182 (1.0.0)
    package5183 (1.0.0)
    package5184 (1.0.0)
    package5185 (1.0.0)
    package5186 (1.0.0)
    package5187 (1.0.0)
    package5188 (1.0.0)
    package5189 (1.0.0)
    package5190 (1.0.0)
    package5191 (1.0.0)
    package5192 (1.0.0)
    package5193 (1.0.0)
    package5194 (1.0.0)
    package5195 (1.0.0)
    package5196 (1.0.0)
    package5197 (1.0.0)
    package5198 (1.0.0)
    package5199 (1.0.0)
    package5200 (1.0.0)
    package5201 (1.0.0)
    package5202 (1.0.0)
    package5203 (1.0.0)
    package5204 (1.0.0)
    package5205 (1.0.0)
    package5206 (1.0.0)
    package5207 (1.0.0)
    package5208 (1.0.0)
    package5209 (1.0.0)
    package5210 (1.0.0)
    package5211 (1.0.0)
    package5212 (1.0.0)
    package5213 (1.0.0)
    package5214 (1.0.0)
    package5215 (1.0.0)
    package5216 (1.0.0)
    package5217 (1.0.0)
    package5218 (1.0.0)
    package5219 (1.0.0)
    package5220 (1.0.0)
    package5221 (1.0.0)
    package5222 (1.0.0)
    package5223 (1.0.0)
    package5224 (1.0.0)
    package5225 (1.0.0)
    package5226 (1.0.0)
    package5227 (1.0.0)
    package5228 (1.0.0)
    package5229 (1.0.0)
    package5230 (1.0.0)
    package5231 (1.0.0)
    package5232 (1.0.0)
    package5233 (1.0.0)
    package5234 (1.0.0)
    package5235 (1.0.0)
    package5236 (1.0.0)
    package5237 (1.0.0)
    package5238 (1.0.0)
    package5239 (1.0.0)
    package5240 (1.0.0)
    package5241 (1.0.0)
    package5242 (1.0.0)
    package5243 (1.0.0)
    package5244 (1.0.0)
    package5245 (1.0.0)
    package5246 (1.0.0)
    package5247 (1.0.0)
    package5248 (1.0.0)
    package5249 (1.0.0)
    package5250 (1.0.0)
    package5251 (1.0.0)
    package5252 (1.0.0)
    package5253 (1.0.0)
    package5254 (1.0.0)
    package5255 (1.0.0)
    package5256 (1.0.0)
    package5257 (1.0.0)
    package5258 (1.0.0)
    package5259 (1.0.0)
    package5260 (1.0.0)
    package5261 (1.0.0)
    package5262 (1.0.0)
    package5263 (1.0.0)
    package5264 (1.0.0)
    package5265 (1.0.0)
    package5266 (1.0.0)
    package5267 (1.0.0)
    package5268 (1.0.0)
    package5269 (1.0.0)
    package5270 (1.0.0)
    package5271 (1.0.0)
    package5272 (1.0.0)
    package5273 (1.0.0)
    package5274 (1.0.0)
    package5275 (1.0.0)
    package5276 (1.0.0)
    package5277 (1.0.0)
    package5278 (1.0.0)
    package5279 (1.0.0)
    package5280 (1.0.0)
    package5281 (1.0.0)
    package5282 (1.0.0)
    package5283 (1.0.0)
    package5284 (1.0.0)
    package5285 (1.0.0)
    package5286 (1.0.0)
    package5287 (1.0.0)
    package5288 (1.0.0)
    package5289 (1.0.0)
    package5290 (1.0.0)
    package5291 (1.0.0)
    package5292 (1.0.0)
    package5293 (1.0.0)
    package5294 (1.0.0)
    package5295 (1.0.0)
    package5296 (1.0.0)
    package5297 (1.0.0)
    package5298 (1.0.0)
    package5299 (1.0.0)
    package5300 (1.0.0)
    package5301 (1.0.0)
    package5302 (1.0.0)
    package5303 (1.0.0)
    package5304 (1.0.0)
    package5305 (1.0.0)
    package5306 (1.0.0)
    package5307 (1.0.0)
    package5308 (1.0.0)
    package5309 (1.0.0)
    package5310 (1.0.0)
    package5311 (1.0.0)
    package5312 (1.0.0)
    package5313 (1.0.0)
    package5314 (1.0.0)
    package5315 (1.0.0)
    package5316 (1.0.0)
    package5317 (1.0.0)
    package5318 (1.0.0)
    package5319 (1.0.0)
    package5320 (1.0.0)
    package5321 (1.0.0)
    package5322 (1.0.0)
    package5323 (1.0.0)
    package5324 (1.0.0)
    package5325 (1.0.0)
    package5326 (1.0.0)
    package5327 (1.0.0)
    package5328 (1.0.0)
    package5329 (1.0.0)
    package5330 (1.0.0)
    package5331 (1.0.0)
    package5332 (1.0.0)
    package5333 (1.0.0)
    package5334 (1.0.0)
    package5335 (1.0.0)
    package5336 (1.0.0)
    package5337 (1.0.0)
    package5338 (1.0.0)
    package5339 (1.0.0)
    package5340 (1.0.0)
    package5341 (1.0.0)
    package5342 (1.0.0)
    package5343 (1.0.0)
    package5344 (1.0.0)
    package5345 (1.0.0)
    package5346 (1.0.0)
    package5347 (1.0.0)
    package5348 (1.0.0)
    package5349 (1.0.0)
    package5350 (1.0.0)
    package5351 (1.0.0)
    package5352 (1.0.0)
    package5353 (1.0.0)
    package5354 (1.0.0)
    package5355 (1.0.0)
    package5356 (1.0.0)
    package5357 (1.0.0)
    package5358 (1.0.0)
    package5359 (1.0.0)
    package5360 (1.0.0)
    package5361 (1.0.0)
    package5362 (1.0.0)
    package5363 (1.0.0)
    package5364 (1.0.0)
    package5365 (1.0.0)
    package5366 (1.0.0)
    package5367 (1.0.0)
    package5368 (1.0.0)
    package5369 (1.0.0)
    package5370 (1.0.0)
    package5371 (1.0.0)
    package5372 (1.0.0)
    package5373 (1.0.0)
    package5374 (1.0.0)
    package5375 (1.0.0)
    package5376 (1.0.0)
    package5377 (1.0.0)
    package5378 (1.0.0)
    package5379 (1.0.0)
    package5380 (1.0.0)
    package5381 (1.0.0)
    package5382 (1.0.0)
    package5383 (1.0.0)
    package5384 (1.0.0)
    package5385 (1.0.0)
    package5386 (1.0.0)
    package5387 (1.0.0)
    package5388 (1.0.0)
    package5389 (1.0.0)
    package5390 (1.0.0)
    package5391 (1.0.0)
    package5392 (1.0.0)
    package5393 (1.0.0)
    package5394 (1.0.0)
    package5395 (1.0.0)
    package5396 (1.0.0)
    package5397 (1.0.0)
    package5398 (1.0.0)
    package5399 (1.0.0)
    package5400 (1.0.0)
    package5401 (1.0.0)
    package5402 (1.0.0)
    package5403 (1.0.0)
    package5404 (1.0.0)
    package5405 (1.0.0)
    package5406 (1.0.0)
    package5407 (1.0.0)
    package5408 (1.0.0)
    package5409 (1.0.0)
    package5410 (1.0.0)
    package5411 (1.0.0)
    package5412 (1.0.0)
    package5413 (1.0.0)
    package5414 (1.0.0)
    package5415 (1.0.0)
    package5416 (1.0.0)
    package5417 (1.0.0)
    package5418 (1.0.0)
    package5419 (1.0.0)
    package5420 (1.0.0)
    package5421 (1.0.0)
    package5422 (1.0.0)
    package5423 (1.0.0)
    package5424 (1.0.0)
    package5425 (1.0.0)
    package5426 (1.0.0)
    package5427 (1.0.0)
    package5428 (1.0.0)
    package5429 (1.0.0)
    package5430 (1.0.0)
    package5431 (1.0.0)
    package5432 (1.0.0)
    package5433 (1.0.0)
    package5434 (1.0.0)
    package5435 (1.0.0)
    package5436 (1.0.0)
    package5437 (1.0.0)
    package5438 (1.0.0)
    package5439 (1.0.0)
    package5440 (1.0.0)
    package5441 (1.0.0)
    package5442 (1.0.0)
    package5443 (1.0.0)
    package5444 (1.0.0)
    package5445 (1.0.0)
    package5446 (1.0.0)
    package5447 (1.0.0)
    package5448 (1.0.0)
    package5449 (1.0.0)
    package5450 (1.0.0)
    package5451 (1.0.0)
    package5452 (1.0.0)
    package5453 (1.0.0)
    package5454 (1.0.0)
    package5455 (1.0.0)
    package5456 (1.0.0)
    package5457 (1.0.0)
    package5458 (1.0.0)
    package5459 (1.0.0)
    package5460 (1.0.0)
    package5461 (1.0.0)
    package5462 (1.0.0)
    package5463 (1.0.0)
    package5464 (1.0.0)
    package5465 (1.0.0)
    package5466 (1.0.0)
    package5467 (1.0.0)
    package5468 (1.0.0)
    package5469 (1.0.0)
    package5470 (1.0.0)
    package5471 (1.0.0)
    package5472 (1.0.0)
    package5473 (1.0.0)
    package5474 (1.0.0)
    package5475 (1.0.0)
    package5476 (1.0.0)
    package5477 (1.0.0)
    package5478 (1.0.0)
    package5479 (1.0.0)
    package5480 (1.0.0)
    package5481 (1.0.0)
    package5482 (1.0.0)
    package5483 (1.0.0)
    package5484 (1.0.0)
    package5485 (1.0.0)
    package5486 (1.0.0)
    package5487 (1.0.0)
    package5488 (1.0.0)
    package5489 (1.0.0)
    package5490 (1.0.0)
    package5491 (1.0.0)
    package5492 (1.0.0)
    package5493 (1.0.0)
    package5494 (1.0.0)
    package5495 (1.0.0)
    package5496 (1.0.0)
    package5497 (1.0.0)
    package5498 (1.0.0)
    package5499 (1.0.0)
    package5500 (1.0.0)
    package5501 (1.0.0)
    package5502 (1.0.0)
    package5503 (1.0.0)
    package5504 (1.0.0)
    package5505 (1.0.0)
    package5506 (1.0.0)
    package5507 (1.0.0)
    package5508 (1.0.0)
    package5509 (1.0.0)
    package5510 (1.0.0)
    package5511 (1.0.0)
    package5512 (1.0.0)
    package5513 (1.0.0)
    package5514 (1.0.0)
    package5515 (1.0.0)
    package5516 (1.0.0)
    package5517 (1.0.0)
    package5518 (1.0.0)
    package5519 (1.0.0)
    package5520 (1.0.0)
    package5521 (1.0.0)
    package5522 (1.0.0)
    package5523 (1.0.0)
    package5524 (1.0.0)
    package5525 (1.0.0)
    package5526 (1.0.0)
    package5527 (1.0.0)
    package5528 (1.0.0)
    package5529 (1.0.0)
    package5530 (1.0.0)
    package5531 (1.0.0)
    package5532 (1.0.0)
    package5533 (1.0.0)
    package5534 (1.0.0)
    package5535 (1.0.0)
    package5536 (1.0.0)
    package5537 (1.0.0)
    package5538 (1.0.0)
    package5539 (1.0.0)
    package5540 (1.0.0)
    package5541 (1.0.0)
    package5542 (1.0.0)
    package5543 (1.0.0)
    package5544 (1.0.0)
    package5545 (1.0.0)
    package5546 (1.0.0)
    package5547 (1.0.0)
    package5548 (1.0.0)
    package5549 (1.0.0)
    package5550 (1.0.0)
    package5551 (1.0.0)
    package5552 (1.0.0)
    package5553 (1.0.0)
    package5554 (1.0.0)
    package5555 (1.0.0)
    package5556 (1.0.0)
    package5557 (1.0.0)
    package5558 (1.0.0)
    package5559 (1.0.0)
    package5560 (1.0.0)
    package5561 (1.0.0)
    package5562 (1.0.0)
    package5563 (1.0.0)
    package5564 (1.0.0)
    package5565 (1.0.0)
    package5566 (1.0.0)
    package5567 (1.0.0)
    package5568 (1.0.0)
    package5569 (1.0.0)
    package5570 (1.0.0)
    package5571 (1.0.0)
    package5572 (1.0.0)
    package5573 (1.0.0)
    package5574 (1.0.0)
    package5575 (1.0.0)
    package5576 (1.0.0)
    package5577 (1.0.0)
    package5578 (1.0.0)
    package5579 (1.0.0)
    package5580 (1.0.0)
    package5581 (1.0.0)
    package5582 (1.0.0)
    package5583 (1.0.0)
    package5584 (1.0.0)
    package5585 (1.0.0)
    package5586 (1.0.0)
    package5587 (1.0.0)
    package5588 (1.0.0)
    package5589 (1.0.0)
    package5590 (1.0.0)
    package5591 (1.0.0)
    package5592 (1.0.0)
    package5593 (1.0.0)
    package5594 (1.0.0)
    package5595 (1.0.0)
    package5596 (1.0.0)
    package5597 (1.0.0)
    package5598 (1.0.0)
    package5599 (1.0.0)
    package5600 (1.0.0)
    package5601 (1.0.0)
    package5602 (1.0.0)
    package5603 (1.0.0)
    package5604 (1.0.0)
    package5605 (1.0.0)
    package5606 (1.0.0)
    package5607 (1.0.0)
    package5608 (1.0.0)
    package5609 (1.0.0)
    package5610 (1.0.0)
    package5611 (1.0.0)
    package5612 (1.0.0)
    package5613 (1.0.0)
    package5614 (1.0.0)
    package5615 (1.0.0)
    package5616 (1.0.0)
    package5617 (1.0.0)
    package5618 (1.0.0)
    package5619 (1.0.0)
    package5620 (1.0.0)
    package5621 (1.0.0)
    package5622 (1.0.0)
    package5623 (1.0.0)
    package5624 (1.0.0)
    package5625 (1.0.0)
    package5626 (1.0.0)
    package5627 (1.0.0)
    package5628 (1.0.0)
    package5629 (1.0.0)
    package5630 (1.0.0)
    package5631 (1.0.0)
    package5632 (1.0.0)
    package5633 (1.0.0)
    package5634 (1.0.0)
    package5635 (1.0.0)
    package5636 (1.0.0)
    package5637 (1.0.0)
    package5638 (1.0.0)
    package5639 (1.0.0)
    package5640 (1.0.0)
    package5641 (1.0.0)
    package5642 (1.0.0)
    package5643 (1.0.0)
    package5644 (1.0.0)
    package5645 (1.0.0)
    package5646 (1.0.0)
    package5647 (1.0.0)
    package5648 (1.0.0)
    package5649 (1.0.0)
    package5650 (1.0.0)
    package5651 (1.0.0)
    package5652 (1.0.0)
    package5653 (1.0.0)
    package5654 (1.0.0)
    package5655 (1.0.0)
    package5656 (1.0.0)
    package5657 (1.0.0)
    package5658 (1.0.0)
    package5659 (1.0.0)
    package5660 (1.0.0)
    package5661 (1.0.0)
    package5662 (1.0.0)
    package5663 (1.0.0)
    package5664 (1.0.0)
    package5665 (1.0.0)
    package5666 (1.0.0)
    package5667 (1.0.0)
    package5668 (1.0.0)
    package5669 (1.0.0)
    package5670 (1.0.0)
    package5671 (1.0.0)
    package5672 (1.0.0)
    package5673 (1.0.0)
    package5674 (1.0.0)
    package5675 (1.0.0)
    package5676 (1.0.0)
    package5677 (1.0.0)
    package5678 (1.0.0)
    package5679 (1.0.0)
    package5680 (1.0.0)
    package5681 (1.0.0)
    package5682 (1.0.0)
    package5683 (1.0.0)
    package5684 (1.0.0)
    package5685 (1.0.0)
    package5686 (1.0.0)
    package5687 (1.0.0)
    package5688 (1.0.0)
    package5689 (1.0.0)
    package5690 (1.0.0)
    package5691 (1.0.0)
    package5692 (1.0.0)
    package5693 (1.0.0)
    package5694 (1.0.0)
    package5695 (1.0.0)
    package5696 (1.0.0)
    package5697 (1.0.0)
    package5698 (1.0.0)
    package5699 (1.0.0)
    package5700 (1.0.0)
    package5701 (1.0.0)
    package5702 (1.0.0)
    package5703 (1.0.0)
    package5704 (1.0.0)
    package5705 (1.0.0)
    package5706 (1.0.0)
    package5707 (1.0.0)
    package5708 (1.0.0)
    package5709 (1.0.0)
    package5710 (1.0.0)
    package5711 (1.0.0)
    package5712 (1.0.0)
    package5713 (1.0.0)
    package5714 (1.0.0)
    package5715 (1.0.0)
    package5716 (1.0.0)
    package5717 (1.0.0)
    package5718 (1.0.0)
    package5719 (1.0.0)
    package5720 (1.0.0)
    package5721 (1.0.0)
    package5722 (1.0.0)
    package5723 (1.0.0)
    package5724 (1.0.0)
    package5725 (1.0.0)
    package5726 (1.0.0)
    package5727 (1.0.0)
    package5728 (1.0.0)
    package5729 (1.0.0)
    package5730 (1.0.0)
    package5731 (1.0.0)
    package5732 (1.0.0)
    package5733 (1.0.0)
    package5734 (1.0.0)
    package5735 (1.0.0)
    package5736 (1.0.0)
    package5737 (1.0.0)
    package5738 (1.0.0)
    package5739 (1.0.0)
    package5740 (1.0.0)
    package5741 (1.0.0)
    package5742 (1.0.0)
    package5743 (1.0.0)
    package5744 (1.0.0)
    package5745 (1.0.0)
    package5746 (1.0.0)
    package5747 (1.0.0)
    package5748 (1.0.0)
    package5749 (1.0.0)
    package5750 (1.0.0)
    package5751 (1.0.0)
    package5752 (1.0.0)
    package5753 (1.0.0)
    package5754 (1.0.0)
    package5755 (1.0.0)
    package5756 (1.0.0)
    package5757 (1.0.0)
    package5758 (1.0.0)
    package5759 (1.0.0)
    package5760 (1.0.0)
    package5761 (1.0.0)
    package5762 (1.0.0)
    package5763 (1.0.0)
    package5764 (1.0.0)
    package5765 (1.0.0)
    package5766 (1.0.0)
    package5767 (1.0.0)
    package5768 (1.0.0)
    package5769 (1.0.0)
    package5770 (1.0.0)
    package5771 (1.0.0)
    package5772 (1.0.0)
    package5773 (1.0.0)
    package5774 (1.0.0)
    package5775 (1.0.0)
    package5776 (1.0.0)
    package5777 (1.0.0)
    package5778 (1.0.0)
    package5779 (1.0.0)
    package5780 (1.0.0)
    package5781 (1.0.0)
    package5782 (1.0.0)
    package5783 (1.0.0)
    package5784 (1.0.0)
    package5785 (1.0.0)
    package5786 (1.0.0)
    package5787 (1.0.0)
    package5788 (1.0.0)
    package5789 (1.0.0)
    package5790 (1.0.0)
    package5791 (1.0.0)
    package5792 (1.0.0)
    package5793 (1.0.0)
    package5794 (1.0.0)
    package5795 (1.0.0)
    package5796 (1.0.0)
    package5797 (1.0.0)
    package5798 (1.0.0)
    package5799 (1.0.0)
    package5800 (1.0.0)
    package5801 (1.0.0)
    package5802 (1.0.0)
    package5803 (1.0.0)
    package5804 (1.0.0)
    package5805 (1.0.0)
    package5806 (1.0.0)
    package5807 (1.0.0)
    package5808 (1.0.0)
    package5809 (1.0.0)
    package5810 (1.0.0)
    package5811 (1.0.0)
    package5812 (1.0.0)
    package5813 (1.0.0)
    package5814 (1.0.0)
    package5815 (1.0.0)
    package5816 (1.0.0)
    package5817 (1.0.0)
    package5818 (1.0.0)
    package5819 (1.0.0)
    package5820 (1.0.0)
    package5821 (1.0.0)
    package5822 (1.0.0)
    package5823 (1.0.0)
    package5824 (1.0.0)
    package5825 (1.0.0)
    package5826 (1.0.0)
    package5827 (1.0.0)
    package5828 (1.0.0)
    package5829 (1.0.0)
    package5830 (1.0.0)
    package5831 (1.0.0)
    package5832 (1.0.0)
    package5833 (1.0.0)
    package5834 (1.0.0)
    package5835 (1.0.0)
    package5836 (1.0.0)
    package5837 (1.0.0)
    package5838 (1.0.0)
    package5839 (1.0.0)
    package5840 (1.0.0)
    package5841 (1.0.0)
    package5842 (1.0.0)
    package5843 (1.0.0)
    package5844 (1.0.0)
    package5845 (1.0.0)
    package5846 (1.0.0)
    package5847 (1.0.0)
    package5848 (1.0.0)
    package5849 (1.0.0)
    package5850 (1.0.0)
    package5851 (1.0.0)
    package5852 (1.0.0)
    package5853 (1.0.0)
    package5854 (1.0.0)
    package5855 (1.0.0)
    package5856 (1.0.0)
    package5857 (1.0.0)
    package5858 (1.0.0)
    package5859 (1.0.0)
    package5860 (1.0.0)
    package5861 (1.0.0)
    package5862 (1.0.0)
    package5863 (1.0.0)
    package5864 (1.0.0)
    package5865 (1.0.0)
    package5866 (1.0.0)
    package5867 (1.0.0)
    package5868 (1.0.0)
    package5869 (1.0.0)
    package5870 (1.0.0)
    package5871 (1.0.0)
    package5872 (1.0.0)
    package5873 (1.0.0)
    package5874 (1.0.0)
    package5875 (1.0.0)
    package5876 (1.0.0)
    package5877 (1.0.0)
    package5878 (1.0.0)
    package5879 (1.0.0)
    package5880 (1.0.0)
    package5881 (1.0.0)
    package5882 (1.0.0)
    package5883 (1.0.0)
    package5884 (1.0.0)
    package5885 (1.0.0)
    package5886 (1.0.0)
    package5887 (1.0.0)
    package5888 (1.0.0)
    package5889 (1.0.0)
    package5890 (1.0.0)
    package5891 (1.0.0)
    package5892 (1.0.0)
    package5893 (1.0.0)
    package5894 (1.0.0)
    package5895 (1.0.0)
    package5896 (1.0.0)
    package5897 (1.0.0)
    package5898 (1.0.0)
    package5899 (1.0.0)
    package5900 (1.0.0)
    package5901 (1.0.0)
    package5902 (1.0.0)
    package5903 (1.0.0)
    package5904 (1.0.0)
    package5905 (1.0.0)
    package5906 (1.0.0)
    package5907 (1.0.0)
    package5908 (1.0.0)
    package5909 (1.0.0)
    package5910 (1.0.0)
    package5911 (1.0.0)
    package5912 (1.0.0)
    package5913 (1.0.0)
    package5914 (1.0.0)
    package5915 (1.0.0)
    package5916 (1.0.0)
    package5917 (1.0.0)
    package5918 (1.0.0)
    package5919 (1.0.0)
    package5920 (1.0.0)
    package5921 (1.0.0)
    package5922 (1.0.0)
    package5923 (1.0.0)
    package5924 (1.0.0)
    package5925 (1.0.0)
    package5926 (1.0.0)
    package5927 (1.0.0)
    package5928 (1.0.0)
    package5929 (1.0.0)
    package5930 (1.0.0)
    package5931 (1.0.0)
    package5932 (1.0.0)
    package5933 (1.0.0)
    package5934 (1.0.0)
    package5935 (1.0.0)
    package5936 (1.0.0)
    package5937 (1.0.0)
    package5938 (1.0.0)
    package5939 (1.0.0)
    package5940 (1.0.0)
    package5941 (1.0.0)
    package5942 (1.0.0)
    package5943 (1.0.0)
    package5944 (1.0.0)
    package5945 (1.0.0)
    package5946 (1.0.0)
    package5947 (1.0.0)
    package5948 (1.0.0)
    package5949 (1.0.0)
    package5950 (1.0.0)
    package5951 (1.0.0)
    package5952 (1.0.0)
    package5953 (1.0.0)
    package5954 (1.0.0)
    package5955 (1.0.0)
    package5956 (1.0.0)
    package5957 (1.0.0)
    package5958 (1.0.0)
    package5959 (1.0.0)
    package5960 (1.0.0)
    package5961 (1.0.0)
    package5962 (1.0.0)
    package5963 (1.0.0)
    package5964 (1.0.0)
    package5965 (1.0.0)
    package5966 (1.0.0)
    package5967 (1.0.0)
    package5968 (1.0.0)
    package5969 (1.0.0)
    package5970 (1.0.0)
    package5971 (1.0.0)
    package5972 (1.0.0)
    package5973 (1.0.0)
    package5974 (1.0.0)
    package5975 (1.0.0)
    package5976 (1.0.0)
    package5977 (1.0.0)
    package5978 (1.0.0)
    package5979 (1.0.0)
    package5980 (1.0.0)
    package5981 (1.0.0)
    package5982 (1.0.0)
    package5983 (1.0.0)
    package5984 (1.0.0)
    package5985 (1.0.0)
    package5986 (1.0.0)
    package5987 (1.0.0)
    package5988 (1.0.0)
    package5989 (1.0.0)
    package5990 (1.0.0)
    package5991 (1.0.0)
    package5992 (1.0.0)
    package5993 (1.0.0)
    package5994 (1.0.0)
    package5995 (1.0.0)
    package5996 (1.0.0)
    package5997 (1.0.0)
    package5998 (1.0.0)
    package5999 (1.0.0)
    package6000 (1.0.0)
    package6001 (1.0.0)
    package6002 (1.0.0)
    package6003 (1.0.0)
    package6004 (1.0.0)
    package6005 (1.0.0)
    package6006 (1.0.0)
    package6007 (1.0.0)
    package6008 (1.0.0)
    package6009 (1.0.0)
    package6010 (1.0.0)
    package6011 (1.0.0)
    package6012 (1.0.0)
    package6013 (1.0.0)
    package6014 (1.0.0)
    package6015 (1.0.0)
    package6016 (1.0.0)
    package6017 (1.0.0)
    package6018 (1.0.0)
    package6019 (1.0.0)
    package6020 (1.0.0)
    package6021 (1.0.0)
    package6022 (1.0.0)
    package6023 (1.0.0)
    package6024 (1.0.0)
    package6025 (1.0.0)
    package6026 (1.0.0)
    package6027 (1.0.0)
    package6028 (1.0.0)
    package6029 (1.0.0)
    package6030 (1.0.0)
    package6031 (1.0.0)
    package6032 (1.0.0)
    package6033 (1.0.0)
    package6034 (1.0.0)
    package6035 (1.0.0)
    package6036 (1.0.0)
    package6037 (1.0.0)
    package6038 (1.0.0)
    package6039 (1.0.0)
    package6040 (1.0.0)
    package6041 (1.0.0)
    package6042 (1.0.0)
    package6043 (1.0.0)
    package6044 (1.0.0)
    package6045 (1.0.0)
    package6046 (1.0.0)
    package6047 (1.0.0)
    package6048 (1.0.0)
    package6049 (1.0.0)
    package6050 (1.0.0)
    package6051 (1.0.0)
    package6052 (1.0.0)
    package6053 (1.0.0)
    package6054 (1.0.0)
    package6055 (1.0.0)
    package6056 (1.0.0)
    package6057 (1.0.0)
    package6058 (1.0.0)
    package6059 (1.0.0)
    package6060 (1.0.0)
    package6061 (1.0.0)
    package6062 (1.0.0)
    package6063 (1.0.0)
    package6064 (1.0.0)
    package6065 (1.0.0)
    package6066 (1.0.0)
    package6067 (1.0.0)
    package6068 (1.0.0)
    package6069 (1.0.0)
    package6070 (1.0.0)
    package6071 (1.0.0)
    package6072 (1.0.0)
    package6073 (1.0.0)
    package6074 (1.0.0)
    package6075 (1.0.0)
    package6076 (1.0.0)
    package6077 (1.0.0)
    package6078 (1.0.0)
    package6079 (1.0.0)
    package6080 (1.0.0)
    package6081 (1.0.0)
    package6082 (1.0.0)
    package6083 (1.0.0)
    package6084 (1.0.0)
    package6085 (1.0.0)
    package6086 (1.0.0)
    package6087 (1.0.0)
    package6088 (1.0.0)
    package6089 (1.0.0)
    package6090 (1.0.0)
    package6091 (1.0.0)
    package6092 (1.0.0)
    package6093 (1.0.0)
    package6094 (1.0.0)
    package6095 (1.0.0)
    package6096 (1.0.0)
    package6097 (1.0.0)
    package6098 (1.0.0)
    package6099 (1.0.0)
    package6100 (1.0.0)
    package6101 (1.0.0)
    package6102 (1.0.0)
    package6103 (1.0.0)
    package6104 (1.0.0)
    package6105 (1.0.0)
    package6106 (1.0.0)
    package6107 (1.0.0)
    package6108 (1.0.0)
    package6109 (1.0.0)
    package6110 (1.0.0)
    package6111 (1.0.0)
    package6112 (1.0.0)
    package6113 (1.0.0)
    package6114 (1.0.0)
    package6115 (1.0.0)
    package6116 (1.0.0)
    package6117 (1.0.0)
    package6118 (1.0.0)
    package6119 (1.0.0)
    package6120 (1.0.0)
    package6121 (1.0.0)
    package6122 (1.0.0)
    package6123 (1.0.0)
    package6124 (1.0.0)
    package6125 (1.0.0)
    package6126 (1.0.0)
    package6127 (1.0.0)
    package6128 (1.0.0)
    package6129 (1.0.0)
    package6130 (1.0.0)
    package6131 (1.0.0)
    package6132 (1.0.0)
    package6133 (1.0.0)
    package6134 (1.0.0)
    package6135 (1.0.0)
    package6136 (1.0.0)
    package6137 (1.0.0)
    package6138 (1.0.0)
    package6139 (1.0.0)
    package6140 (1.0.0)
    package6141 (1.0.0)
    package6142 (1.0.0)
    package6143 (1.0.0)
    package6144 (1.0.0)
    package6145 (1.0.0)
    package6146 (1.0.0)
    package6147 (1.0.0)
    package6148 (1.0.0)
    package6149 (1.0.0)
    package6150 (1.0.0)
    package6151 (1.0.0)
    package6152 (1.0.0)
    package6153 (1.0.0)
    package6154 (1.0.0)
    package6155 (1.0.0)
    package6156 (1.0.0)
    package6157 (1.0.0)
    package6158 (1.0.0)
    package6159 (1.0.0)
    package6160 (1.0.0)
    package6161 (1.0.0)
    package6162 (1.0.0)
    package6163 (1.0.0)
    package6164 (1.0.0)
    package6165 (1.0.0)
    package6166 (1.0.0)
    package6167 (1.0.0)
    package6168 (1.0.0)
    package6169 (1.0.0)
    package6170 (1.0.0)
    package6171 (1.0.0)
    package6172 (1.0.0)
    package6173 (1.0.0)
    package6174 (1.0.0)
    package6175 (1.0.0)
    package6176 (1.0.0)
    package6177 (1.0.0)
    package6178 (1.0.0)
    package6179 (1.0.0)
    package6180 (1.0.0)
    package6181 (1.0.0)
    package6182 (1.0.0)
    package6183 (1.0.0)
    package6184 (1.0.0)
    package6185 (1.0.0)
    package6186 (1.0.0)
    package6187 (1.0.0)
    package6188 (1.0.0)
    package6189 (1.0.0)
    package6190 (1.0.0)
    package6191 (1.0.0)
    package6192 (1.0.0)
    package6193 (1.0.0)
    package6194 (1.0.0)
    package6195 (1.0.0)
    package6196 (1.0.0)
    package6197 (1.0.0)
    package6198 (1.0.0)
    package6199 (1.0.0)
    package6200 (1.0.0)
    package6201 (1.0.0)
    package6202 (1.0.0)
    package6203 (1.0.0)
    package6204 (1.0.0)
    package6205 (1.0.0)
    package6206 (1.0.0)
    package6207 (1.0.0)
    package6208 (1.0.0)
    package6209 (1.0.0)
    package6210 (1.0.0)
    package6211 (1.0.0)
    package6212 (1.0.0)
    package6213 (1.0.0)
    package6214 (1.0.0)
    package6215 (1.0.0)
    package6216 (1.0.0)
    package6217 (1.0.0)
    package6218 (1.0.0)
    package6219 (1.0.0)
    package6220 (1.0.0)
    package6221 (1.0.0)
    package6222 (1.0.0)
    package6223 (1.0.0)
    package6224 (1.0.0)
    package6225 (1.0.0)
    package6226 (1.0.0)
    package6227 (1.0.0)
    package6228 (1.0.0)
    package6229 (1.0.0)
    package6230 (1.0.0)
    package6231 (1.0.0)
    package6232 (1.0.0)
    package6233 (1.0.0)
    package6234 (1.0.0)
    package6235 (1.0.0)
    package6236 (1.0.0)
    package6237 (1.0.0)
    package6238 (1.0.0)
    package6239 (1.0.0)
    package6240 (1.0.0)
    package6241 (1.0.0)
    package6242 (1.0.0)
    package6243 (1.0.0)
    package6244 (1.0.0)
    package6245 (1.0.0)
    package6246 (1.0.0)
    package6247 (1.0.0)
    package6248 (1.0.0)
    package6249 (1.0.0)
    package6250 (1.0.0)
    package6251 (1.0.0)
    package6252 (1.0.0)
    package6253 (1.0.0)
    package6254 (1.0.0)
    package6255 (1.0.0)
    package6256 (1.0.0)
    package6257 (1.0.0)
    package6258 (1.0.0)
    package6259 (1.0.0)
    package6260 (1.0.0)
    package6261 (1.0.0)
    package6262 (1.0.0)
    package6263 (1.0.0)
    package6264 (1.0.0)
    package6265 (1.0.0)
    package6266 (1.0.0)
    package6267 (1.0.0)
    package6268 (1.0.0)
    package6269 (1.0.0)
    package6270 (1.0.0)
    package6271 (1.0.0)
    package6272 (1.0.0)
    package6273 (1.0.0)
    package6274 (1.0.0)
    package6275 (1.0.0)
    package6276 (1.0.0)
    package6277 (1.0.0)
    package6278 (1.0.0)
    package6279 (1.0.0)
    package6280 (1.0.0)
    package6281 (1.0.0)
    package6282 (1.0.0)
    package6283 (1.0.0)
    package6284 (1.0.0)
    package6285 (1.0.0)
    package6286 (1.0.0)
    package6287 (1.0.0)
    package6288 (1.0.0)
    package6289 (1.0.0)
    package6290 (1.0.0)
    package6291 (1.0.0)
    package6292 (1.0.0)
    package6293 (1.0.0)
    package6294 (1.0.0)
    package6295 (1.0.0)
    package6296 (1.0.0)
    package6297 (1.0.0)
    package6298 (1.0.0)
    package6299 (1.0.0)
    package6300 (1.0.0)
    package6301 (1.0.0)
    package6302 (1.0.0)
    package6303 (1.0.0)
    package6304 (1.0.0)
    package6305 (1.0.0)
    package6306 (1.0.0)
    package6307 (1.0.0)
    package6308 (1.0.0)
    package6309 (1.0.0)
    package6310 (1.0.0)
    package6311 (1.0.0)
    package6312 (1.0.0)
    package6313 (1.0.0)
    package6314 (1.0.0)
    package6315 (1.0.0)
    package6316 (1.0.0)
    package6317 (1.0.0)
    package6318 (1.0.0)
    package6319 (1.0.0)
    package6320 (1.0.0)
    package6321 (1.0.0)
    package6322 (1.0.0)
    package6323 (1.0.0)
    package6324 (1.0.0)
    package6325 (1.0.0)
    package6326 (1.0.0)
    package6327 (1.0.0)
    package6328 (1.0.0)
    package6329 (1.0.0)
    package6330 (1.0.0)
    package6331 (1.0.0)
    package6332 (1.0.0)
    package6333 (1.0.0)
    package6334 (1.0.0)
    package6335 (1.0.0)
    package6336 (1.0.0)
    package6337 (1.0.0)
    package6338 (1.0.0)
    package6339 (1.0.0)
    package6340 (1.0.0)
    package6341 (1.0.0)
    package6342 (1.0.0)
    package6343 (1.0.0)
    package6344 (1.0.0)
    package6345 (1.0.0)
    package6346 (1.0.0)
    package6347 (1.0.0)
    package6348 (1.0.0)
    package6349 (1.0.0)
    package6350 (1.0.0)
    package6351 (1.0.0)
    package6352 (1.0.0)
    package6353 (1.0.0)
    package6354 (1.0.0)
    package6355 (1.0.0)
    package6356 (1.0.0)
    package6357 (1.0.0)
    package6358 (1.0.0)
    package6359 (1.0.0)
    package6360 (1.0.0)
    package6361 (1.0.0)
    package6362 (1.0.0)
    package6363 (1.0.0)
    package6364 (1.0.0)
    package6365 (1.0.0)
    package6366 (1.0.0)
    package6367 (1.0.0)
    package6368 (1.0.0)
    package6369 (1.0.0)
    package6370 (1.0.0)
    package6371 (1.0.0)
    package6372 (1.0.0)
    package6373 (1.0.0)
    package6374 (1.0.0)
    package6375 (1.0.0)
    package6376 (1.0.0)
    package6377 (1.0.0)
    package6378 (1.0.0)
    package6379 (1.0.0)
    package6380 (1.0.0)
    package6381 (1.0.0)
    package6382 (1.0.0)
    package6383 (1.0.0)
    package6384 (1.0.0)
    package6385 (1.0.0)
    package6386 (1.0.0)
    package6387 (1.0.0)
    package6388 (1.0.0)
    package6389 (1.0.0)
    package6390 (1.0.0)
    package6391 (1.0.0)
    package6392 (1.0.0)
    package6393 (1.0.0)
    package6394 (1.0.0)
    package6395 (1.0.0)
    package6396 (1.0.0)
    package6397 (1.0.0)
    package6398 (1.0.0)
    package6399 (1.0.0)
    package6400 (1.0.0)
    package6401 (1.0.0)
    package6402 (1.0.0)
    package6403 (1.0.0)
    package6404 (1.0.0)
    package6405 (1.0.0)
    package6406 (1.0.0)
    package6407 (1.0.0)
    package6408 (1.0.0)
    package6409 (1.0.0)
    package6410 (1.0.0)
    package6411 (1.0.0)
    package6412 (1.0.0)
    package6413 (1.0.0)
    package6414 (1.0.0)
    package6415 (1.0.0)
    package6416 (1.0.0)
    package6417 (1.0.0)
    package6418 (1.0.0)
    package6419 (1.0.0)
    package6420 (1.0.0)
    package6421 (1.0.0)
    package6422 (1.0.0)
    package6423 (1.0.0)
    package6424 (1.0.0)
    package6425 (1.0.0)
    package6426 (1.0.0)
    package6427 (1.0.0)
    package6428 (1.0.0)
    package6429 (1.0.0)
    package6430 (1.0.0)
    package6431 (1.0.0)
    package6432 (1.0.0)
    package6433 (1.0.0)
    package6434 (1.0.0)
    package6435 (1.0.0)
    package6436 (1.0.0)
    package6437 (1.0.0)
    package6438 (1.0.0)
    package6439 (1.0.0)
    package6440 (1.0.0)
    package6441 (1.0.0)
    package6442 (1.0.0)
    package6443 (1.0.0)
    package6444 (1.0.0)
    package6445 (1.0.0)
    package6446 (1.0.0)
    package6447 (1.0.0)
    package6448 (1.0.0)
    package6449 (1.0.0)
    package6450 (1.0.0)
    package6451 (1.0.0)
    package6452 (1.0.0)
    package6453 (1.0.0)
    package6454 (1.0.0)
    package6455 (1.0.0)
    package6456 (1.0.0)
    package6457 (1.0.0)
    package6458 (1.0.0)
    package6459 (1.0.0)
    package6460 (1.0.0)
    package6461 (1.0.0)
    package6462 (1.0.0)
    package6463 (1.0.0)
    package6464 (1.0.0)
    package6465 (1.0.0)
    package6466 (1.0.0)
    package6467 (1.0.0)
    package6468 (1.0.0)
    package6469 (1.0.0)
    package6470 (1.0.0)
    package6471 (1.0.0)
    package6472 (1.0.0)
    package6473 (1.0.0)
    package6474 (1.0.0)
    package6475 (1.0.0)
    package6476 (1.0.0)
    package6477 (1.0.0)
    package6478 (1.0.0)
    package6479 (1.0.0)
    package6480 (1.0.0)
    package6481 (1.0.0)
    package6482 (1.0.0)
    package6483 (1.0.0)
    package6484 (1.0.0)
    package6485 (1.0.0)
    package6486 (1.0.0)
    package6487 (1.0.0)
    package6488 (1.0.0)
    package6489 (1.0.0)
    package6490 (1.0.0)
    package6491 (1.0.0)
    package6492 (1.0.0)
    package6493 (1.0.0)
    package6494 (1.0.0)
    package6495 (1.0.0)
    package6496 (1.0.0)
    package6497 (1.0.0)
    package6498 (1.0.0)
    package6499 (1.0.0)
    package6500 (1.0.0)
    package6501 (1.0.0)
    package6502 (1.0.0)
    package6503 (1.0.0)
    package6504 (1.0.0)
    package6505 (1.0.0)
    package6506 (1.0.0)
    package6507 (1.0.0)
    package6508 (1.0.0)
    package6509 (1.0.0)
    package6510 (1.0.0)
    package6511 (1.0.0)
    package6512 (1.0.0)
    package6513 (1.0.0)
    package6514 (1.0.0)
    package6515 (1.0.0)
    package6516 (1.0.0)
    package6517 (1.0.0)
    package6518 (1.0.0)
    package6519 (1.0.0)
    package6520 (1.0.0)
    package6521 (1.0.0)
    package6522 (1.0.0)
    package6523 (1.0.0)
    package6524 (1.0.0)
    package6525 (1.0.0)
    package6526 (1.0.0)
    package6527 (1.0.0)
    package6528 (1.0.0)
    package6529 (1.0.0)
    package6530 (1.0.0)
    package6531 (1.0.0)
    package6532 (1.0.0)
    package6533 (1.0.0)
    package6534 (1.0.0)
    package6535 (1.0.0)
    package6536 (1.0.0)
    package6537 (1.0.0)
    package6538 (1.0.0)
    package6539 (1.0.0)
    package6540 (1.0.0)
    package6541 (1.0.0)
    package6542 (1.0.0)
    package6543 (1.0.0)
    package6544 (1.0.0)
    package6545 (1.0.0)
    package6546 (1.0.0)
    package6547 (1.0.0)
    package6548 (1.0.0)
    package6549 (1.0.0)
    package6550 (1.0.0)
    package6551 (1.0.0)
    package6552 (1.0.0)
    package6553 (1.0.0)
    package6554 (1.0.0)
    package6555 (1.0.0)
    package6556 (1.0.0)
    package6557 (1.0.0)
    package6558 (1.0.0)
    package6559 (1.0.0)
    package6560 (1.0.0)
    package6561 (1.0.0)
    package6562 (1.0.0)
    package6563 (1.0.0)
    package6564 (1.0.0)
    package6565 (1.0.0)
    package6566 (1.0.0)
    package6567 (1.0.0)
    package6568 (1.0.0)
    package6569 (1.0.0)
    package6570 (1.0.0)
    package6571 (1.0.0)
    package6572 (1.0.0)
    package6573 (1.0.0)
    package6574 (1.0.0)
    package6575 (1.0.0)
    package6576 (1.0.0)
    package6577 (1.0.0)
    package6578 (1.0.0)
    package6579 (1.0.0)
    package6580 (1.0.0)
    package6581 (1.0.0)
    package6582 (1.0.0)
    package6583 (1.0.0)
    package6584 (1.0.0)
    package6585 (1.0.0)
    package6586 (1.0.0)
    package6587 (1.0.0)
    package6588 (1.0.0)
    package6589 (1.0.0)
    package6590 (1.0.0)
    package6591 (1.0.0)
    package6592 (1.0.0)
    package6593 (1.0.0)
    package6594 (1.0.0)
    package6595 (1.0.0)
    package6596 (1.0.0)
    package6597 (1.0.0)
    package6598 (1.0.0)
    package6599 (1.0.0)
    package6600 (1.0.0)
    package6601 (1.0.0)
    package6602 (1.0.0)
    package6603 (1.0.0)
    package6604 (1.0.0)
    package6605 (1.0.0)
    package6606 (1.0.0)
    package6607 (1.0.0)
    package6608 (1.0.0)
    package6609 (1.0.0)
    package6610 (1.0.0)
    package6611 (1.0.0)
    package6612 (1.0.0)
    package6613 (1.0.0)
    package6614 (1.0.0)
    package6615 (1.0.0)
    package6616 (1.0.0)
    package6617 (1.0.0)
    package6618 (1.0.0)
    package6619 (1.0.0)
    package6620 (1.0.0)
    package6621 (1.0.0)
    package6622 (1.0.0)
    package6623 (1.0.0)
    package6624 (1.0.0)
    package6625 (1.0.0)
    package6626 (1.0.0)
    package6627 (1.0.0)
    package6628 (1.0.0)
    package6629 (1.0.0)
    package6630 (1.0.0)
    package6631 (1.0.0)
    package6632 (1.0.0)
    package6633 (1.0.0)
    package6634 (1.0.0)
    package6635 (1.0.0)
    package6636 (1.0.0)
    package6637 (1.0.0)
    package6638 (1.0.0)
    package6639 (1.0.0)
    package6640 (1.0.0)
    package6641 (1.0.0)
    package6642 (1.0.0)
    package6643 (1.0.0)
    package6644 (1.0.0)
    package6645 (1.0.0)
    package6646 (1.0.0)
    package6647 (1.0.0)
    package6648 (1.0.0)
    package6649 (1.0.0)
    package6650 (1.0.0)
    package6651 (1.0.0)
    package6652 (1.0.0)
    package6653 (1.0.0)
    package6654 (1.0.0)
    package6655 (1.0.0)
    package6656 (1.0.0)
    package6657 (1.0.0)
    package6658 (1.0.0)
    package6659 (1.0.0)
    package6660 (1.0.0)
    package6661 (1.0.0)
    package6662 (1.0.0)
    package6663 (1.0.0)
    package6664 (1.0.0)
    package6665 (1.0.0)
    package6666 (1.0.0)
    package6667 (1.0.0)
    package6668 (1.0.0)
    package6669 (1.0.0)
    package6670 (1.0.0)
    package6671 (1.0.0)
    package6672 (1.0.0)
    package6673 (1.0.0)
    package6674 (1.0.0)
    package6675 (1.0.0)
    package6676 (1.0.0)
    package6677 (1.0.0)
    package6678 (1.0.0)
    package6679 (1.0.0)
    package6680 (1.0.0)
    package6681 (1.0.0)
    package6682 (1.0.0)
    package6683 (1.0.0)
    package6684 (1.0.0)
    package6685 (1.0.0)
    package6686 (1.0.0)
    package6687 (1.0.0)
    package6688 (1.0.0)
    package6689 (1.0.0)
    package6690 (1.0.0)
    package6691 (1.0.0)
    package6692 (1.0.0)
    package6693 (1.0.0)
    package6694 (1.0.0)
    package6695 (1.0.0)
    package6696 (1.0.0)
    package6697 (1.0.0)
    package6698 (1.0.0)
    package6699 (1.0.0)
    package6700 (1.0.0)
    package6701 (1.0.0)
    package6702 (1.0.0)
    package6703 (1.0.0)
    package6704 (1.0.0)
    package6705 (1.0.0)
    package6706 (1.0.0)
    package6707 (1.0.0)
    package6708 (1.0.0)
    package6709 (1.0.0)
    package6710 (1.0.0)
    package6711 (1.0.0)
    package6712 (1.0.0)
    package6713 (1.0.0)
    package6714 (1.0.0)
    package6715 (1.0.0)
    package6716 (1.0.0)
    package6717 (1.0.0)
    package6718 (1.0.0)
    package6719 (1.0.0)
    package6720 (1.0.0)
    package6721 (1.0.0)
    package6722 (1.0.0)
    package6723 (1.0.0)
    package6724 (1.0.0)
    package6725 (1.0.0)
    package6726 (1.0.0)
    package6727 (1.0.0)
    package6728 (1.0.0)
    package6729 (1.0.0)
    package6730 (1.0.0)
    package6731 (1.0.0)
    package6732 (1.0.0)
    package6733 (1.0.0)
    package6734 (1.0.0)
    package6735 (1.0.0)
    package6736 (1.0.0)
    package6737 (1.0.0)
    package6738 (1.0.0)
    package6739 (1.0.0)
    package6740 (1.0.0)
    package6741 (1.0.0)
    package6742 (1.0.0)
    package6743 (1.0.0)
    package6744 (1.0.0)
    package6745 (1.0.0)
    package6746 (1.0.0)
    package6747 (1.0.0)
    package6748 (1.0.0)
    package6749 (1.0.0)
    package6750 (1.0.0)
    package6751 (1.0.0)
    package6752 (1.0.0)
    package6753 (1.0.0)
    package6754 (1.0.0)
    package6755 (1.0.0)
    package6756 (1.0.0)
    package6757 (1.0.0)
    package6758 (1.0.0)
    package6759 (1.0.0)
    package6760 (1.0.0)
    package6761 (1.0.0)
    package6762 (1.0.0)
    package6763 (1.0.0)
    package6764 (1.0.0)
    package6765 (1.0.0)
    package6766 (1.0.0)
    package6767 (1.0.0)
    package6768 (1.0.0)
    package6769 (1.0.0)
    package6770 (1.0.0)
    package6771 (1.0.0)
    package6772 (1.0.0)
    package6773 (1.0.0)
    package6774 (1.0.0)
    package6775 (1.0.0)
    package6776 (1.0.0)
    package6777 (1.0.0)
    package6778 (1.0.0)
    package6779 (1.0.0)
    package6780 (1.0.0)
    package6781 (1.0.0)
    package6782 (1.0.0)
    package6783 (1.0.0)
    package6784 (1.0.0)
    package6785 (1.0.0)
    package6786 (1.0.0)
    package6787 (1.0.0)
    package6788 (1.0.0)
    package6789 (1.0.0)
    package6790 (1.0.0)
    package6791 (1.0.0)
    package6792 (1.0.0)
    package6793 (1.0.0)
    package6794 (1.0.0)
    package6795 (1.0.0)
    package6796 (1.0.0)
    package6797 (1.0.0)
    package6798 (1.0.0)
    package6799 (1.0.0)
    package6800 (1.0.0)
    package6801 (1.0.0)
    package6802 (1.0.0)
    package6803 (1.0.0)
    package6804 (1.0.0)
    package6805 (1.0.0)
    package6806 (1.0.0)
    package6807 (1.0.0)
    package6808 (1.0.0)
    package6809 (1.0.0)
    package6810 (1.0.0)
    package6811 (1.0.0)
    package6812 (1.0.0)
    package6813 (1.0.0)
    package6814 (1.0.0)
    package6815 (1.0.0)
    package6816 (1.0.0)
    package6817 (1.0.0)
    package6818 (1.0.0)
    package6819 (1.0.0)
    package6820 (1.0.0)
    package6821 (1.0.0)
    package6822 (1.0.0)
    package6823 (1.0.0)
    package6824 (1.0.0)
    package6825 (1.0.0)
    package6826 (1.0.0)
    package6827 (1.0.0)
    package6828 (1.0.0)
    package6829 (1.0.0)
    package6830 (1.0.0)
    package6831 (1.0.0)
    package6832 (1.0.0)
    package6833 (1.0.0)
    package6834 (1.0.0)
    package6835 (1.0.0)
    package6836 (1.0.0)
    package6837 (1.0.0)
    package6838 (1.0.0)
    package6839 (1.0.0)
    package6840 (1.0.0)
    package6841 (1.0.0)
    package6842 (1.0.0)
    package6843 (1.0.0)
    package6844 (1.0.0)
    package6845 (1.0.0)
    package6846 (1.0.0)
    package6847 (1.0.0)
    package6848 (1.0.0)
    package6849 (1.0.0)
    package6850 (1.0.0)
    package6851 (1.0.0)
    package6852 (1.0.0)
    package6853 (1.0.0)
    package6854 (1.0.0)
    package6855 (1.0.0)
    package6856 (1.0.0)
    package6857 (1.0.0)
    package6858 (1.0.0)
    package6859 (1.0.0)
    package6860 (1.0.0)
    package6861 (1.0.0)
    package6862 (1.0.0)
    package6863 (1.0.0)
    package6864 (1.0.0)
    package6865 (1.0.0)
    package6866 (1.0.0)
    package6867 (1.0.0)
    package6868 (1.0.0)
    package6869 (1.0.0)
    package6870 (1.0.0)
    package6871 (1.0.0)
    package6872 (1.0.0)
    package6873 (1.0.0)
    package6874 (1.0.0)
    package6875 (1.0.0)
    package6876 (1.0.0)
    package6877 (1.0.0)
    package6878 (1.0.0)
    package6879 (1.0.0)
    package6880 (1.0.0)
    package6881 (1.0.0)
    package6882 (1.0.0)
    package6883 (1.0.0)
    package6884 (1.0.0)
    package6885 (1.0.0)
    package6886 (1.0.0)
    package6887 (1.0.0)
    package6888 (1.0.0)
    package6889 (1.0.0)
    package6890 (1.0.0)
    package6891 (1.0.0)
    package6892 (1.0.0)
    package6893 (1.0.0)
    package6894 (1.0.0)
    package6895 (1.0.0)
    package6896 (1.0.0)
    package6897 (1.0.0)
    package6898 (1.0.0)
    package6899 (1.0.0)
    package6900 (1.0.0)
    package6901 (1.0.0)
    package6902 (1.0.0)
    package6903 (1.0.0)
    package6904 (1.0.0)
    package6905 (1.0.0)
    package6906 (1.0.0)
    package6907 (1.0.0)
    package6908 (1.0.0)
    package6909 (1.0.0)
    package6910 (1.0.0)
    package6911 (1.0.0)
    package6912 (1.0.0)
    package6913 (1.0.0)
    package6914 (1.0.0)
    package6915 (1.0.0)
    package6916 (1.0.0)
    package6917 (1.0.0)
    package6918 (1.0.0)
    package6919 (1.0.0)
    package6920 (1.0.0)
    package6921 (1.0.0)
    package6922 (1.0.0)
    package6923 (1.0.0)
    package6924 (1.0.0)
    package6925 (1.0.0)
    package6926 (1.0.0)
    package6927 (1.0.0)
    package6928 (1.0.0)
    package6929 (1.0.0)
    package6930 (1.0.0)
    package6931 (1.0.0)
    package6932 (1.0.0)
    package6933 (1.0.0)
    package6934 (1.0.0)
    package6935 (1.0.0)
    package6936 (1.0.0)
    package6937 (1.0.0)
    package6938 (1.0.0)
    package6939 (1.0.0)
    package6940 (1.0.0)
    package6941 (1.0.0)
    package6942 (1.0.0)
    package6943 (1.0.0)
    package6944 (1.0.0)
    package6945 (1.0.0)
    package6946 (1.0.0)
    package6947 (1.0.0)
    package6948 (1.0.0)
    package6949 (1.0.0)
    package6950 (1.0.0)
    package6951 (1.0.0)
    package6952 (1.0.0)
    package6953 (1.0.0)
    package6954 (1.0.0)
    package6955 (1.0.0)
    package6956 (1.0.0)
    package6957 (1.0.0)
    package6958 (1.0.0)
    package6959 (1.0.0)
    package6960 (1.0.0)
    package6961 (1.0.0)
    package6962 (1.0.0)
    package6963 (1.0.0)
    package6964 (1.0.0)
    package6965 (1.0.0)
    package6966 (1.0.0)
    package6967 (1.0.0)
    package6968 (1.0.0)
    package6969 (1.0.0)
    package6970 (1.0.0)
    package6971 (1.0.0)
    package6972 (1.0.0)
    package6973 (1.0.0)
    package6974 (1.0.0)
    package6975 (1.0.0)
    package6976 (1.0.0)
    package6977 (1.0.0)
    package6978 (1.0.0)
    package6979 (1.0.0)
    package6980 (1.0.0)
    package6981 (1.0.0)
    package6982 (1.0.0)
    package6983 (1.0.0)
    package6984 (1.0.0)
    package6985 (1.0.0)
    package6986 (1.0.0)
    package6987 (1.0.0)
    package6988 (1.0.0)
    package6989 (1.0.0)
    package6990 (1.0.0)
    package6991 (1.0.0)
    package6992 (1.0.0)
    package6993 (1.0.0)
    package6994 (1.0.0)
    package6995 (1.0.0)
    package6996 (1.0.0)
    package6997 (1.0.0)
    package6998 (1.0.0)
    package6999 (1.0.0)
    package7000 (1.0.0)
    package7001 (1.0.0)
    package7002 (1.0.0)
    package7003 (1.0.0)
    package7004 (1.0.0)
    package7005 (1.0.0)
    package7006 (1.0.0)
    package7007 (1.0.0)
    package7008 (1.0.0)
    package7009 (1.0.0)
    package7010 (1.0.0)
    package7011 (1.0.0)
    package7012 (1.0.0)
    package7013 (1.0.0)
    package7014 (1.0.0)
    package7015 (1.0.0)
    package7016 (1.0.0)
    package7017 (1.0.0)
    package7018 (1.0.0)
    package7019 (1.0.0)
    package7020 (1.0.0)
    package7021 (1.0.0)
    package7022 (1.0.0)
    package7023 (1.0.0)
    package7024 (1.0.0)
    package7025 (1.0.0)
    package7026 (1.0.0)
    package7027 (1.0.0)
    package7028 (1.0.0)
    package7029 (1.0.0)
    package7030 (1.0.0)
    package7031 (1.0.0)
    package7032 (1.0.0)
    package7033 (1.0.0)
    package7034 (1.0.0)
    package7035 (1.0.0)
    package7036 (1.0.0)
    package7037 (1.0.0)
    package7038 (1.0.0)
    package7039 (1.0.0)
    package7040 (1.0.0)
    package7041 (1.0.0)
    package7042 (1.0.0)
    package7043 (1.0.0)
    package7044 (1.0.0)
    package7045 (1.0.0)
    package7046 (1.0.0)
    package7047 (1.0.0)
    package7048 (1.0.0)
    package7049 (1.0.0)
    package7050 (1.0.0)
    package7051 (1.0.0)
    package7052 (1.0.0)
    package7053 (1.0.0)
    package7054 (1.0.0)
    package7055 (1.0.0)
    package7056 (1.0.0)
    package7057 (1.0.0)
    package7058 (1.0.0)
    package7059 (1.0.0)
    package7060 (1.0.0)
    package7061 (1.0.0)
    package7062 (1.0.0)
    package7063 (1.0.0)
    package7064 (1.0.0)
    package7065 (1.0.0)
    package7066 (1.0.0)
    package7067 (1.0.0)
    package7068 (1.0.0)
    package7069 (1.0.0)
    package7070 (1.0.0)
    package7071 (1.0.0)
    package7072 (1.0.0)
    package7073 (1.0.0)
    package7074 (1.0.0)
    package7075 (1.0.0)
    package7076 (1.0.0)
    package7077 (1.0.0)
    package7078 (1.0.0)
    package7079 (1.0.0)
    package7080 (1.0.0)
    package7081 (1.0.0)
    package7082 (1.0.0)
    package7083 (1.0.0)
    package7084 (1.0.0)
    package7085 (1.0.0)
    package7086 (1.0.0)
    package7087 (1.0.0)
    package7088 (1.0.0)
    package7089 (1.0.0)
    package7090 (1.0.0)
    package7091 (1.0.0)
    package7092 (1.0.0)
    package7093 (1.0.0)
    package7094 (1.0.0)
    package7095 (1.0.0)
    package7096 (1.0.0)
    package7097 (1.0.0)
    package7098 (1.0.0)
    package7099 (1.0.0)
    package7100 (1.0.0)
    package7101 (1.0.0)
    package7102 (1.0.0)
    package7103 (1.0.0)
    package7104 (1.0.0)
    package7105 (1.0.0)
    package7106 (1.0.0)
    package7107 (1.0.0)
    package7108 (1.0.0)
    package7109 (1.0.0)
    package7110 (1.0.0)
    package7111 (1.0.0)
    package7112 (1.0.0)
    package7113 (1.0.0)
    package7114 (1.0.0)
    package7115 (1.0.0)
    package7116 (1.0.0)
    package7117 (1.0.0)
    package7118 (1.0.0)
    package7119 (1.0.0)
    package7120 (1.0.0)
    package7121 (1.0.0)
    package7122 (1.0.0)
    package7123 (1.0.0)
    package7124 (1.0.0)
    package7125 (1.0.0)
    package7126 (1.0.0)
    package7127 (1.0.0)
    package7128 (1.0.0)
    package7129 (1.0.0)
    package7130 (1.0.0)
    package7131 (1.0.0)
    package7132 (1.0.0)
    package7133 (1.0.0)
    package7134 (1.0.0)
    package7135 (1.0.0)
    package7136 (1.0.0)
    package7137 (1.0.0)
    package7138 (1.0.0)
    package7139 (1.0.0)
    package7140 (1.0.0)
    package7141 (1.0.0)
    package7142 (1.0.0)
    package7143 (1.0.0)
    package7144 (1.0.0)
    package7145 (1.0.0)
    package7146 (1.0.0)
    package7147 (1.0.0)
    package7148 (1.0.0)
    package7149 (1.0.0)
    package7150 (1.0.0)
    package7151 (1.0.0)
    package7152 (1.0.0)
    package7153 (1.0.0)
    package7154 (1.0.0)
    package7155 (1.0.0)
    package7156 (1.0.0)
    package7157 (1.0.0)
    package7158 (1.0.0)
    package7159 (1.0.0)
    package7160 (1.0.0)
    package7161 (1.0.0)
    package7162 (1.0.0)
    package7163 (1.0.0)
    package7164 (1.0.0)
    package7165 (1.0.0)
    package7166 (1.0.0)
    package7167 (1.0.0)
    package7168 (1.0.0)
    package7169 (1.0.0)
    package7170 (1.0.0)
    package7171 (1.0.0)
    package7172 (1.0.0)
    package7173 (1.0.0)
    package7174 (1.0.0)
    package7175 (1.0.0)
    package7176 (1.0.0)
    package7177 (1.0.0)
    package7178 (1.0.0)
    package7179 (1.0.0)
    package7180 (1.0.0)
    package7181 (1.0.0)
    package7182 (1.0.0)
    package7183 (1.0.0)
    package7184 (1.0.0)
    package7185 (1.0.0)
    package7186 (1.0.0)
    package7187 (1.0.0)
    package7188 (1.0.0)
    package7189 (1.0.0)
    package7190 (1.0.0)
    package7191 (1.0.0)
    package7192 (1.0.0)
    package7193 (1.0.0)
    package7194 (1.0.0)
    package7195 (1.0.0)
    package7196 (1.0.0)
    package7197 (1.0.0)
    package7198 (1.0.0)
    package7199 (1.0.0)
    package7200 (1.0.0)
    package7201 (1.0.0)
    package7202 (1.0.0)
    package7203 (1.0.0)
    package7204 (1.0.0)
    package7205 (1.0.0)
    package7206 (1.0.0)
    package7207 (1.0.0)
    package7208 (1.0.0)
    package7209 (1.0.0)
    package7210 (1.0.0)
    package7211 (1.0.0)
    package7212 (1.0.0)
    package7213 (1.0.0)
    package7214 (1.0.0)
    package7215 (1.0.0)
    package7216 (1.0.0)
    package7217 (1.0.0)
    package7218 (1.0.0)
    package7219 (1.0.0)
    package7220 (1.0.0)
    package7221 (1.0.0)
    package7222 (1.0.0)
    package7223 (1.0.0)
    package7224 (1.0.0)
    package7225 (1.0.0)
    package7226 (1.0.0)
    package7227 (1.0.0)
    package7228 (1.0.0)
    package7229 (1.0.0)
    package7230 (1.0.0)
    package7231 (1.0.0)
    package7232 (1.0.0)
    package7233 (1.0.0)
    package7234 (1.0.0)
    package7235 (1.0.0)
    package7236 (1.0.0)
    package7237 (1.0.0)
    package7238 (1.0.0)
    package7239 (1.0.0)
    package7240 (1.0.0)
    package7241 (1.0.0)
    package7242 (1.0.0)
    package7243 (1.0.0)
    package7244 (1.0.0)
    package7245 (1.0.0)
    package7246 (1.0.0)
    package7247 (1.0.0)
    package7248 (1.0.0)
    package7249 (1.0.0)
    package7250 (1.0.0)
    package7251 (1.0.0)
    package7252 (1.0.0)
    package7253 (1.0.0)
    package7254 (1.0.0)
    package7255 (1.0.0)
    package7256 (1.0.0)
    package7257 (1.0.0)
    package7258 (1.0.0)
    package7259 (1.0.0)
    package7260 (1.0.0)
    package7261 (1.0.0)
    package7262 (1.0.0)
    package7263 (1.0.0)
    package7264 (1.0.0)
    package7265 (1.0.0)
    package7266 (1.0.0)
    package7267 (1.0.0)
    package7268 (1.0.0)
    package7269 (1.0.0)
    package7270 (1.0.0)
    package7271 (1.0.0)
    package7272 (1.0.0)
    package7273 (1.0.0)
    package7274 (1.0.0)
    package7275 (1.0.0)
    package7276 (1.0.0)
    package7277 (1.0.0)
    package7278 (1.0.0)
    package7279 (1.0.0)
    package7280 (1.0.0)
    package7281 (1.0.0)
    package7282 (1.0.0)
    package7283 (1.0.0)
    package7284 (1.0.0)
    package7285 (1.0.0)
    package7286 (1.0.0)
    package7287 (1.0.0)
    package7288 (1.0.0)
    package7289 (1.0.0)
    package7290 (1.0.0)
    package7291 (1.0.0)
    package7292 (1.0.0)
    package7293 (1.0.0)
    package7294 (1.0.0)
    package7295 (1.0.0)
    package7296 (1.0.0)
    package7297 (1.0.0)
    package7298 (1.0.0)
    package7299 (1.0.0)
    package7300 (1.0.0)
    package7301 (1.0.0)
    package7302 (1.0.0)
    package7303 (1.0.0)
    package7304 (1.0.0)
    package7305 (1.0.0)
    package7306 (1.0.0)
    package7307 (1.0.0)
    package7308 (1.0.0)
    package7309 (1.0.0)
    package7310 (1.0.0)
    package7311 (1.0.0)
    package7312 (1.0.0)
    package7313 (1.0.0)
    package7314 (1.0.0)
    package7315 (1.0.0)
    package7316 (1.0.0)
    package7317 (1.0.0)
    package7318 (1.0.0)
    package7319 (1.0.0)
    package7320 (1.0.0)
    package7321 (1.0.0)
    package7322 (1.0.0)
    package7323 (1.0.0)
    package7324 (1.0.0)
    package7325 (1.0.0)
    package7326 (1.0.0)
    package7327 (1.0.0)
    package7328 (1.0.0)
    package7329 (1.0.0)
    package7330 (1.0.0)
    package7331 (1.0.0)
    package7332 (1.0.0)
    package7333 (1.0.0)
    package7334 (1.0.0)
    package7335 (1.0.0)
    package7336 (1.0.0)
    package7337 (1.0.0)
    package7338 (1.0.0)
    package7339 (1.0.0)
    package7340 (1.0.0)
    package7341 (1.0.0)
    package7342 (1.0.0)
    package7343 (1.0.0)
    package7344 (1.0.0)
    package7345 (1.0.0)
    package7346 (1.0.0)
    package7347 (1.0.0)
    package7348 (1.0.0)
    package7349 (1.0.0)
    package7350 (1.0.0)
    package7351 (1.0.0)
    package7352 (1.0.0)
    package7353 (1.0.0)
    package7354 (1.0.0)
    package7355 (1.0.0)
    package7356 (1.0.0)
    package7357 (1.0.0)
    package7358 (1.0.0)
    package7359 (1.0.0)
    package7360 (1.0.0)
    package7361 (1.0.0)
    package7362 (1.0.0)
    package7363 (1.0.0)
    package7364 (1.0.0)
    package7365 (1.0.0)
    package7366 (1.0.0)
    package7367 (1.0.0)
    package7368 (1.0.0)
    package7369 (1.0.0)
    package7370 (1.0.0)
    package7371 (1.0.0)
    package7372 (1.0.0)
    package7373 (1.0.0)
    package7374 (1.0.0)
    package7375 (1.0.0)
    package7376 (1.0.0)
    package7377 (1.0.0)
    package7378 (1.0.0)
    package7379 (1.0.0)
    package7380 (1.0.0)
    package7381 (1.0.0)
    package7382 (1.0.0)
    package7383 (1.0.0)
    package7384 (1.0.0)
    package7385 (1.0.0)
    package7386 (1.0.0)
    package7387 (1.0.0)
    package7388 (1.0.0)
    package7389 (1.0.0)
    package7390 (1.0.0)
    package7391 (1.0.0)
    package7392 (1.0.0)
    package7393 (1.0.0)
    package7394 (1.0.0)
    package7395 (1.0.0)
    package7396 (1.0.0)
    package7397 (1.0.0)
    package7398 (1.0.0)
    package7399 (1.0.0)
    package7400 (1.0.0)
    package7401 (1.0.0)
    package7402 (1.0.0)
    package7403 (1.0.0)
    package7404 (1.0.0)
    package7405 (1.0.0)
    package7406 (1.0.0)
    package7407 (1.0.0)
    package7408 (1.0.0)
    package7409 (1.0.0)
    package7410 (1.0.0)
    package7411 (1.0.0)
    package7412 (1.0.0)
    package7413 (1.0.0)
    package7414 (1.0.0)
    package7415 (1.0.0)
    package7416 (1.0.0)
    package7417 (1.0.0)
    package7418 (1.0.0)
    package7419 (1.0.0)
    package7420 (1.0.0)
    package7421 (1.0.0)
    package7422 (1.0.0)
    package7423 (1.0.0)
    package7424 (1.0.0)
    package7425 (1.0.0)
    package7426 (1.0.0)
    package7427 (1.0.0)
    package7428 (1.0.0)
    package7429 (1.0.0)
    package7430 (1.0.0)
    package7431 (1.0.0)
    package7432 (1.0.0)
    package7433 (1.0.0)
    package7434 (1.0.0)
    package7435 (1.0.0)
    package7436 (1.0.0)
    package7437 (1.0.0)
    package7438 (1.0.0)
    package7439 (1.0.0)
    package7440 (1.0.0)
    package7441 (1.0.0)
    package7442 (1.0.0)
    package7443 (1.0.0)
    package7444 (1.0.0)
    package7445 (1.0.0)
    package7446 (1.0.0)
    package7447 (1.0.0)
    package7448 (1.0.0)
    package7449 (1.0.0)
    package7450 (1.0.0)
    package7451 (1.0.0)
    package7452 (1.0.0)
    package7453 (1.0.0)
    package7454 (1.0.0)
    package7455 (1.0.0)
    package7456 (1.0.0)
    package7457 (1.0.0)
    package7458 (1.0.0)
    package7459 (1.0.0)
    package7460 (1.0.0)
    package7461 (1.0.0)
    package7462 (1.0.0)
    package7463 (1.0.0)
    package7464 (1.0.0)
    package7465 (1.0.0)
    package7466 (1.0.0)
    package7467 (1.0.0)
    package7468 (1.0.0)
    package7469 (1.0.0)
    package7470 (1.0.0)
    package7471 (1.0.0)
    package7472 (1.0.0)
    package7473 (1.0.0)
    package7474 (1.0.0)
    package7475 (1.0.0)
    package7476 (1.0.0)
    package7477 (1.0.0)
    package7478 (1.0.0)
    package7479 (1.0.0)
    package7480 (1.0.0)
    package7481 (1.0.0)
    package7482 (1.0.0)
    package7483 (1.0.0)
    package7484 (1.0.0)
    package7485 (1.0.0)
    package7486 (1.0.0)
    package7487 (1.0.0)
    package7488 (1.0.0)
    package7489 (1.0.0)
    package7490 (1.0.0)
    package7491 (1.0.0)
    package7492 (1.0.0)
    package7493 (1.0.0)
    package7494 (1.0.0)
    package7495 (1.0.0)
    package7496 (1.0.0)
    package7497 (1.0.0)
    package7498 (1.0.0)
    package7499 (1.0.0)
    package7500 (1.0.0)
    package7501 (1.0.0)
    package7502 (1.0.0)
    package7503 (1.0.0)
    package7504 (1.0.0)
    package7505 (1.0.0)
    package7506 (1.0.0)
    package7507 (1.0.0)
    package7508 (1.0.0)
    package7509 (1.0.0)
    package7510 (1.0.0)
    package7511 (1.0.0)
    package7512 (1.0.0)
    package7513 (1.0.0)
    package7514 (1.0.0)
    package7515 (1.0.0)
    package7516 (1.0.0)
    package7517 (1.0.0)
    package7518 (1.0.0)
    package7519 (1.0.0)
    package7520 (1.0.0)
    package7521 (1.0.0)
    package7522 (1.0.0)
    package7523 (1.0.0)
    package7524 (1.0.0)
    package7525 (1.0.0)
    package7526 (1.0.0)
    package7527 (1.0.0)
    package7528 (1.0.0)
    package7529 (1.0.0)
    package7530 (1.0.0)
    package7531 (1.0.0)
    package7532 (1.0.0)
    package7533 (1.0.0)
    package7534 (1.0.0)
    package7535 (1.0.0)
    package7536 (1.0.0)
    package7537 (1.0.0)
    package7538 (1.0.0)
    package7539 (1.0.0)
    package7540 (1.0.0)
    package7541 (1.0.0)
    package7542 (1.0.0)
    package7543 (1.0.0)
    package7544 (1.0.0)
    package7545 (1.0.0)
    package7546 (1.0.0)
    package7547 (1.0.0)
    package7548 (1.0.0)
    package7549 (1.0.0)
    package7550 (1.0.0)
    package7551 (1.0.0)
    package7552 (1.0.0)
    package7553 (1.0.0)
    package7554 (1.0.0)
    package7555 (1.0.0)
    package7556 (1.0.0)
    package7557 (1.0.0)
    package7558 (1.0.0)
    package7559 (1.0.0)
    package7560 (1.0.0)
    package7561 (1.0.0)
    package7562 (1.0.0)
    package7563 (1.0.0)
    package7564 (1.0.0)
    package7565 (1.0.0)
    package7566 (1.0.0)
    package7567 (1.0.0)
    package7568 (1.0.0)
    package7569 (1.0.0)
    package7570 (1.0.0)
    package7571 (1.0.0)
    package7572 (1.0.0)
    package7573 (1.0.0)
    package7574 (1.0.0)
    package7575 (1.0.0)
    package7576 (1.0.0)
    package7577 (1.0.0)
    package7578 (1.0.0)
    package7579 (1.0.0)
    package7580 (1.0.0)
    package7581 (1.0.0)
    package7582 (1.0.0)
    package7583 (1.0.0)
    package7584 (1.0.0)
    package7585 (1.0.0)
    package7586 (1.0.0)
    package7587 (1.0.0)
    package7588 (1.0.0)
    package7589 (1.0.0)
    package7590 (1.0.0)
    package7591 (1.0.0)
    package7592 (1.0.0)
    package7593 (1.0.0)
    package7594 (1.0.0)
    package7595 (1.0.0)
    package7596 (1.0.0)
    package7597 (1.0.0)
    package7598 (1.0.0)
    package7599 (1.0.0)
    package7600 (1.0.0)
    package7601 (1.0.0)
    package7602 (1.0.0)
    package7603 (1.0.0)
    package7604 (1.0.0)
    package7605 (1.0.0)
    package7606 (1.0.0)
    package7607 (1.0.0)
    package7608 (1.0.0)
    package7609 (1.0.0)
    package7610 (1.0.0)
    package7611 (1.0.0)
    package7612 (1.0.0)
    package7613 (1.0.0)
    package7614 (1.0.0)
    package7615 (1.0.0)
    package7616 (1.0.0)
    package7617 (1.0.0)
    package7618 (1.0.0)
    package7619 (1.0.0)
    package7620 (1.0.0)
    package7621 (1.0.0)
    package7622 (1.0.0)
    package7623 (1.0.0)
    package7624 (1.0.0)
    package7625 (1.0.0)
    package7626 (1.0.0)
    package7627 (1.0.0)
    package7628 (1.0.0)
    package7629 (1.0.0)
    package7630 (1.0.0)
    package7631 (1.0.0)
    package7632 (1.0.0)
    package7633 (1.0.0)
    package7634 (1.0.0)
    package7635 (1.0.0)
    package7636 (1.0.0)
    package7637 (1.0.0)
    package7638 (1.0.0)
    package7639 (1.0.0)
    package7640 (1.0.0)
    package7641 (1.0.0)
    package7642 (1.0.0)
    package7643 (1.0.0)
    package7644 (1.0.0)
    package7645 (1.0.0)
    package7646 (1.0.0)
    package7647 (1.0.0)
    package7648 (1.0.0)
    package7649 (1.0.0)
    package7650 (1.0.0)
    package7651 (1.0.0)
    package7652 (1.0.0)
    package7653 (1.0.0)
    package7654 (1.0.0)
    package7655 (1.0.0)
    package7656 (1.0.0)
    package7657 (1.0.0)
    package7658 (1.0.0)
    package7659 (1.0.0)
    package7660 (1.0.0)
    package7661 (1.0.0)
    package7662 (1.0.0)
    package7663 (1.0.0)
    package7664 (1.0.0)
    package7665 (1.0.0)
    package7666 (1.0.0)
    package7667 (1.0.0)
    package7668 (1.0.0)
    package7669 (1.0.0)
    package7670 (1.0.0)
    package7671 (1.0.0)
    package7672 (1.0.0)
    package7673 (1.0.0)
    package7674 (1.0.0)
    package7675 (1.0.0)
    package7676 (1.0.0)
    package7677 (1.0.0)
    package7678 (1.0.0)
    package7679 (1.0.0)
    package7680 (1.0.0)
    package7681 (1.0.0)
    package7682 (1.0.0)
    package7683 (1.0.0)
    package7684 (1.0.0)
    package7685 (1.0.0)
    package7686 (1.0.0)
    package7687 (1.0.0)
    package7688 (1.0.0)
    package7689 (1.0.0)
    package7690 (1.0.0)
    package7691 (1.0.0)
    package7692 (1.0.0)
    package7693 (1.0.0)
    package7694 (1.0.0)
    package7695 (1.0.0)
    package7696 (1.0.0)
    package7697 (1.0.0)
    package7698 (1.0.0)
    package7699 (1.0.0)
    package7700 (1.0.0)
    package7701 (1.0.0)
    package7702 (1.0.0)
    package7703 (1.0.0)
    package7704 (1.0.0)
    package7705 (1.0.0)
    package7706 (1.0.0)
    package7707 (1.0.0)
    package7708 (1.0.0)
    package7709 (1.0.0)
    package7710 (1.0.0)
    package7711 (1.0.0)
    package7712 (1.0.0)
    package7713 (1.0.0)
    package7714 (1.0.0)
    package7715 (1.0.0)
    package7716 (1.0.0)
    package7717 (1.0.0)
    package7718 (1.0.0)
    package7719 (1.0.0)
    package7720 (1.0.0)
    package7721 (1.0.0)
    package7722 (1.0.0)
    package7723 (1.0.0)
    package7724 (1.0.0)
    package7725 (1.0.0)
    package7726 (1.0.0)
    package7727 (1.0.0)
    package7728 (1.0.0)
    package7729 (1.0.0)
    package7730 (1.0.0)
    package7731 (1.0.0)
    package7732 (1.0.0)
    package7733 (1.0.0)
    package7734 (1.0.0)
    package7735 (1.0.0)
    package7736 (1.0.0)
    package7737 (1.0.0)
    package7738 (1.0.0)
    package7739 (1.0.0)
    package7740 (1.0.0)
    package7741 (1.0.0)
    package7742 (1.0.0)
    package7743 (1.0.0)
    package7744 (1.0.0)
    package7745 (1.0.0)
    package7746 (1.0.0)
    package7747 (1.0.0)
    package7748 (1.0.0)
    package7749 (1.0.0)
    package7750 (1.0.0)
    package7751 (1.0.0)
    package7752 (1.0.0)
    package7753 (1.0.0)
    package7754 (1.0.0)
    package7755 (1.0.0)
    package7756 (1.0.0)
    package7757 (1.0.0)
    package7758 (1.0.0)
    package7759 (1.0.0)
    package7760 (1.0.0)
    package7761 (1.0.0)
    package7762 (1.0.0)
    package7763 (1.0.0)
    package7764 (1.0.0)
    package7765 (1.0.0)
    package7766 (1.0.0)
    package7767 (1.0.0)
    package7768 (1.0.0)
    package7769 (1.0.0)
    package7770 (1.0.0)
    package7771 (1.0.0)
    package7772 (1.0.0)
    package7773 (1.0.0)
    package7774 (1.0.0)
    package7775 (1.0.0)
    package7776 (1.0.0)
    package7777 (1.0.0)
    package7778 (1.0.0)
    package7779 (1.0.0)
    package7780 (1.0.0)
    package7781 (1.0.0)
    package7782 (1.0.0)
    package7783 (1.0.0)
    package7784 (1.0.0)
    package7785 (1.0.0)
    package7786 (1.0.0)
    package7787 (1.0.0)
    package7788 (1.0.0)
    package7789 (1.0.0)
    package7790 (1.0.0)
    package7791 (1.0.0)
    package7792 (1.0.0)
    package7793 (1.0.0)
    package7794 (1.0.0)
    package7795 (1.0.0)
    package7796 (1.0.0)
    package7797 (1.0.0)
    package7798 (1.0.0)
    package7799 (1.0.0)
    package7800 (1.0.0)
    package7801 (1.0.0)
    package7802 (1.0.0)
    package7803 (1.0.0)
    package7804 (1.0.0)
    package7805 (1.0.0)
    package7806 (1.0.0)
    package7807 (1.0.0)
    package7808 (1.0.0)
    package7809 (1.0.0)
    package7810 (1.0.0)
    package7811 (1.0.0)
    package7812 (1.0.0)
    package7813 (1.0.0)
    package7814 (1.0.0)
    package7815 (1.0.0)
    package7816 (1.0.0)
    package7817 (1.0.0)
    package7818 (1.0.0)
    package7819 (1.0.0)
    package7820 (1.0.0)
    package7821 (1.0.0)
    package7822 (1.0.0)
    package7823 (1.0.0)
    package7824 (1.0.0)
    package7825 (1.0.0)
    package7826 (1.0.0)
    package7827 (1.0.0)
    package7828 (1.0.0)
    package7829 (1.0.0)
    package7830 (1.0.0)
    package7831 (1.0.0)
    package7832 (1.0.0)
    package7833 (1.0.0)
    package7834 (1.0.0)
    package7835 (1.0.0)
    package7836 (1.0.0)
    package7837 (1.0.0)
    package7838 (1.0.0)
    package7839 (1.0.0)
    package7840 (1.0.0)
    package7841 (1.0.0)
    package7842 (1.0.0)
    package7843 (1.0.0)
    package7844 (1.0.0)
    package7845 (1.0.0)
    package7846 (1.0.0)
    package7847 (1.0.0)
    package7848 (1.0.0)
    package7849 (1.0.0)
    package7850 (1.0.0)
    package7851 (1.0.0)
    package7852 (1.0.0)
    package7853 (1.0.0)
    package7854 (1.0.0)
    package7855 (1.0.0)
    package7856 (1.0.0)
    package7857 (1.0.0)
    package7858 (1.0.0)
    package7859 (1.0.0)
    package7860 (1.0.0)
    package7861 (1.0.0)
    package7862 (1.0.0)
    package7863 (1.0.0)
    package7864 (1.0.0)
    package7865 (1.0.0)
    package7866 (1.0.0)
    package7867 (1.0.0)
    package7868 (1.0.0)
    package7869 (1.0.0)
    package7870 (1.0.0)
    package7871 (1.0.0)
    package7872 (1.0.0)
    package7873 (1.0.0)
    package7874 (1.0.0)
    package7875 (1.0.0)
    package7876 (1.0.0)
    package7877 (1.0.0)
    package7878 (1.0.0)
    package7879 (1.0.0)
    package7880 (1.0.0)
    package7881 (1.0.0)
    package7882 (1.0.0)
    package7883 (1.0.0)
    package7884 (1.0.0)
    package7885 (1.0.0)
    package7886 (1.0.0)
    package7887 (1.0.0)
    package7888 (1.0.0)
    package7889 (1.0.0)
    package7890 (1.0.0)
    package7891 (1.0.0)
    package7892 (1.0.0)
    package7893 (1.0.0)
    package7894 (1.0.0)
    package7895 (1.0.0)
    package7896 (1.0.0)
    package7897 (1.0.0)
    package7898 (1.0.0)
    package7899 (1.0.0)
    package7900 (1.0.0)
    package7901 (1.0.0)
    package7902 (1.0.0)
    package7903 (1.0.0)
    package7904 (1.0.0)
    package7905 (1.0.0)
    package7906 (1.0.0)
    package7907 (1.0.0)
    package7908 (1.0.0)
    package7909 (1.0.0)
    package7910 (1.0.0)
    package7911 (1.0.0)
    package7912 (1.0.0)
    package7913 (1.0.0)
    package7914 (1.0.0)
    package7915 (1.0.0)
    package7916 (1.0.0)
    package7917 (1.0.0)
    package7918 (1.0.0)
    package7919 (1.0.0)
    package7920 (1.0.0)
    package7921 (1.0.0)
    package7922 (1.0.0)
    package7923 (1.0.0)
    package7924 (1.0.0)
    package7925 (1.0.0)
    package7926 (1.0.0)
    package7927 (1.0.0)
    package7928 (1.0.0)
    package7929 (1.0.0)
    package7930 (1.0.0)
    package7931 (1.0.0)
    package7932 (1.0.0)
    package7933 (1.0.0)
    package7934 (1.0.0)
    package7935 (1.0.0)
    package7936 (1.0.0)
    package7937 (1.0.0)
    package7938 (1.0.0)
    package7939 (1.0.0)
    package7940 (1.0.0)
    package7941 (1.0.0)
    package7942 (1.0.0)
    package7943 (1.0.0)
    package7944 (1.0.0)
    package7945 (1.0.0)
    package7946 (1.0.0)
    package7947 (1.0.0)
    package7948 (1.0.0)
    package7949 (1.0.0)
    package7950 (1.0.0)
    package7951 (1.0.0)
    package7952 (1.0.0)
    package7953 (1.0.0)
    package7954 (1.0.0)
    package7955 (1.0.0)
    package7956 (1.0.0)
    package7957 (1.0.0)
    package7958 (1.0.0)
    package7959 (1.0.0)
    package7960 (1.0.0)
    package7961 (1.0.0)
    package7962 (1.0.0)
    package7963 (1.0.0)
    package7964 (1.0.0)
    package7965 (1.0.0)
    package7966 (1.0.0)
    package7967 (1.0.0)
    package7968 (1.0.0)
    package7969 (1.0.0)
    package7970 (1.0.0)
    package7971 (1.0.0)
    package7972 (1.0.0)
    package7973 (1.0.0)
    package7974 (1.0.0)
    package7975 (1.0.0)
    package7976 (1.0.0)
    package7977 (1.0.0)
    package7978 (1.0.0)
    package7979 (1.0.0)
    package7980 (1.0.0)
    package7981 (1.0.0)
    package7982 (1.0.0)
    package7983 (1.0.0)
    package7984 (1.0.0)
    package7985 (1.0.0)
    package7986 (1.0.0)
    package7987 (1.0.0)
    package7988 (1.0.0)
    package7989 (1.0.0)
    package7990 (1.0.0)
    package7991 (1.0.0)
    package7992 (1.0.0)
    package7993 (1.0.0)
    package7994 (1.0.0)
    package7995 (1.0.0)
    package7996 (1.0.0)
    package7997 (1.0.0)
    package7998 (1.0.0)
    package7999 (1.0.0)
    package8000 (1.0.0)
    package8001 (1.0.0)
    package8002 (1.0.0)
    package8003 (1.0.0)
    package8004 (1.0.0)
    package8005 (1.0.0)
    package8006 (1.0.0)
    package8007 (1.0.0)
    package8008 (1.0.0)
    package8009 (1.0.0)
    package8010 (1.0.0)
    package8011 (1.0.0)
    package8012 (1.0.0)
    package8013 (1.0.0)
    package8014 (1.0.0)
    package8015 (1.0.0)
    package8016 (1.0.0)
    package8017 (1.0.0)
    package8018 (1.0.0)
    package8019 (1.0.0)
    package8020 (1.0.0)
    package8021 (1.0.0)
    package8022 (1.0.0)
    package8023 (1.0.0)
    package8024 (1.0.0)
    package8025 (1.0.0)
    package8026 (1.0.0)
    package8027 (1.0.0)
    package8028 (1.0.0)
    package8029 (1.0.0)
    package8030 (1.0.0)
    package8031 (1.0.0)
    package8032 (1.0.0)
    package8033 (1.0.0)
    package8034 (1.0.0)
    package8035 (1.0.0)
    package8036 (1.0.0)
    package8037 (1.0.0)
    package8038 (1.0.0)
    package8039 (1.0.0)
    package8040 (1.0.0)
    package8041 (1.0.0)
    package8042 (1.0.0)
    package8043 (1.0.0)
    package8044 (1.0.0)
    package8045 (1.0.0)
    package8046 (1.0.0)
    package8047 (1.0.0)
    package8048 (1.0.0)
    package8049 (1.0.0)
    package8050 (1.0.0)
    package8051 (1.0.0)
    package8052 (1.0.0)
    package8053 (1.0.0)
    package8054 (1.0.0)
    package8055 (1.0.0)
    package8056 (1.0.0)
    package8057 (1.0.0)
    package8058 (1.0.0)
    package8059 (1.0.0)
    package8060 (1.0.0)
    package8061 (1.0.0)
    package8062 (1.0.0)
    package8063 (1.0.0)
    package8064 (1.0.0)
    package8065 (1.0.0)
    package8066 (1.0.0)
    package8067 (1.0.0)
    package8068 (1.0.0)
    package8069 (1.0.0)
    package8070 (1.0.0)
    package8071 (1.0.0)
    package8072 (1.0.0)
    package8073 (1.0.0)
    package8074 (1.0.0)
    package8075 (1.0.0)
    package8076 (1.0.0)
    package8077 (1.0.0)
    package8078 (1.0.0)
    package8079 (1.0.0)
    package8080 (1.0.0)
    package8081 (1.0.0)
    package8082 (1.0.0)
    package8083 (1.0.0)
    package8084 (1.0.0)
    package8085 (1.0.0)
    package8086 (1.0.0)
    package8087 (1.0.0)
    package8088 (1.0.0)
    package8089 (1.0.0)
    package8090 (1.0.0)
    package8091 (1.0.0)
    package8092 (1.0.0)
    package8093 (1.0.0)
    package8094 (1.0.0)
    package8095 (1.0.0)
    package8096 (1.0.0)
    package8097 (1.0.0)
    package8098 (1.0.0)
    package8099 (1.0.0)
    package8100 (1.0.0)
    package8101 (1.0.0)
    package8102 (1.0.0)
    package8103 (1.0.0)
    package8104 (1.0.0)
    package8105 (1.0.0)
    package8106 (1.0.0)
    package8107 (1.0.0)
    package8108 (1.0.0)
    package8109 (1.0.0)
    package8110 (1.0.0)
    package8111 (1.0.0)
    package8112 (1.0.0)
    package8113 (1.0.0)
    package8114 (1.0.0)
    package8115 (1.0.0)
    package8116 (1.0.0)
    package8117 (1.0.0)
    package8118 (1.0.0)
    package8119 (1.0.0)
    package8120 (1.0.0)
    package8121 (1.0.0)
    package8122 (1.0.0)
    package8123 (1.0.0)
    package8124 (1.0.0)
    package8125 (1.0.0)
    package8126 (1.0.0)
    package8127 (1.0.0)
    package8128 (1.0.0)
    package8129 (1.0.0)
    package8130 (1.0.0)
    package8131 (1.0.0)
    package8132 (1.0.0)
    package8133 (1.0.0)
    package8134 (1.0.0)
    package8135 (1.0.0)
    package8136 (1.0.0)
    package8137 (1.0.0)
    package8138 (1.0.0)
    package8139 (1.0.0)
    package8140 (1.0.0)
    package8141 (1.0.0)
    package8142 (1.0.0)
    package8143 (1.0.0)
    package8144 (1.0.0)
    package8145 (1.0.0)
    package8146 (1.0.0)
    package8147 (1.0.0)
    package8148 (1.0.0)
    package8149 (1.0.0)
    package8150 (1.0.0)
    package8151 (1.0.0)
    package8152 (1.0.0)
    package8153 (1.0.0)
    package8154 (1.0.0)
    package8155 (1.0.0)
    package8156 (1.0.0)
    package8157 (1.0.0)
    package8158 (1.0.0)
    package8159 (1.0.0)
    package8160 (1.0.0)
    package8161 (1.0.0)
    package8162 (1.0.0)
    package8163 (1.0.0)
    package8164 (1.0.0)
    package8165 (1.0.0)
    package8166 (1.0.0)
    package8167 (1.0.0)
    package8168 (1.0.0)
    package8169 (1.0.0)
    package8170 (1.0.0)
    package8171 (1.0.0)
    package8172 (1.0.0)
    package8173 (1.0.0)
    package8174 (1.0.0)
    package8175 (1.0.0)
    package8176 (1.0.0)
    package8177 (1.0.0)
    package8178 (1.0.0)
    package8179 (1.0.0)
    package8180 (1.0.0)
    package8181 (1.0.0)
    package8182 (1.0.0)
    package8183 (1.0.0)
    package8184 (1.0.0)
    package8185 (1.0.0)
    package8186 (1.0.0)
    package8187 (1.0.0)
    package8188 (1.0.0)
    package8189 (1.0.0)
    package8190 (1.0.0)
    package8191 (1.0.0)
    package8192 (1.0.0)
    package8193 (1.0.0)
    package8194 (1.0.0)
    package8195 (1.0.0)
    package8196 (1.0.0)
    package8197 (1.0.0)
    package8198 (1.0.0)
    package8199 (1.0.0)
    package8200 (1.0.0)
    package8201 (1.0.0)
    package8202 (1.0.0)
    package8203 (1.0.0)
    package8204 (1.0.0)
    package8205 (1.0.0)
    package8206 (1.0.0)
    package8207 (1.0.0)
    package8208 (1.0.0)
    package8209 (1.0.0)
    package8210 (1.0.0)
    package8211 (1.0.0)
    package8212 (1.0.0)
    package8213 (1.0.0)
    package8214 (1.0.0)
    package8215 (1.0.0)
    package8216 (1.0.0)
    package8217 (1.0.0)
    package8218 (1.0.0)
    package8219 (1.0.0)
    package8220 (1.0.0)
    package8221 (1.0.0)
    package8222 (1.0.0)
    package8223 (1.0.0)
    package8224 (1.0.0)
    package8225 (1.0.0)
    package8226 (1.0.0)
    package8227 (1.0.0)
    package8228 (1.0.0)
    package8229 (1.0.0)
    package8230 (1.0.0)
    package8231 (1.0.0)
    package8232 (1.0.0)
    package8233 (1.0.0)
    package8234 (1.0.0)
    package8235 (1.0.0)
    package8236 (1.0.0)
    package8237 (1.0.0)
    package8238 (1.0.0)
    package8239 (1.0.0)
    package8240 (1.0.0)
    package8241 (1.0.0)
    package8242 (1.0.0)
    package8243 (1.0.0)
    package8244 (1.0.0)
    package8245 (1.0.0)
    package8246 (1.0.0)
    package8247 (1.0.0)
    package8248 (1.0.0)
    package8249 (1.0.0)
    package8250 (1.0.0)
    package8251 (1.0.0)
    package8252 (1.0.0)
    package8253 (1.0.0)
    package8254 (1.0.0)
    package8255 (1.0.0)
    package8256 (1.0.0)
    package8257 (1.0.0)
    package8258 (1.0.0)
    package8259 (1.0.0)
    package8260 (1.0.0)
    package8261 (1.0.0)
    package8262 (1.0.0)
    package8263 (1.0.0)
    package8264 (1.0.0)
    package8265 (1.0.0)
    package8266 (1.0.0)
    package8267 (1.0.0)
    package8268 (1.0.0)
    package8269 (1.0.0)
    package8270 (1.0.0)
    package8271 (1.0.0)
    package8272 (1.0.0)
    package8273 (1.0.0)
    package8274 (1.0.0)
    package8275 (1.0.0)
    package8276 (1.0.0)
    package8277 (1.0.0)
    package8278 (1.0.0)
    package8279 (1.0.0)
    package8280 (1.0.0)
    package8281 (1.0.0)
    package8282 (1.0.0)
    package8283 (1.0.0)
    package8284 (1.0.0)
    package8285 (1.0.0)
    package8286 (1.0.0)
    package8287 (1.0.0)
    package8288 (1.0.0)
    package8289 (1.0.0)
    package8290 (1.0.0)
    package8291 (1.0.0)
    package8292 (1.0.0)
    package8293 (1.0.0)
    package8294 (1.0.0)
    package8295 (1.0.0)
    package8296 (1.0.0)
    package8297 (1.0.0)
    package8298 (1.0.0)
    package8299 (1.0.0)
    package8300 (1.0.0)
    package8301 (1.0.0)
    package8302 (1.0.0)
    package8303 (1.0.0)
    package8304 (1.0.0)
    package8305 (1.0.0)
    package8306 (1.0.0)
    package8307 (1.0.0)
    package8308 (1.0.0)
    package8309 (1.0.0)
    package8310 (1.0.0)
    package8311 (1.0.0)
    package8312 (1.0.0)
    package8313 (1.0.0)
    package8314 (1.0.0)
    package8315 (1.0.0)
    package8316 (1.0.0)
    package8317 (1.0.0)
    package8318 (1.0.0)
    package8319 (1.0.0)
    package8320 (1.0.0)
    package8321 (1.0.0)
    package8322 (1.0.0)
    package8323 (1.0.0)
    package8324 (1.0.0)
    package8325 (1.0.0)
    package8326 (1.0.0)
    package8327 (1.0.0)
    package8328 (1.0.0)
    package8329 (1.0.0)
    package8330 (1.0.0)
    package8331 (1.0.0)
    package8332 (1.0.0)
    package8333 (1.0.0)
    package8334 (1.0.0)
    package8335 (1.0.0)
    package8336 (1.0.0)
    package8337 (1.0.0)
    package8338 (1.0.0)
    package8339 (1.0.0)
    package8340 (1.0.0)
    package8341 (1.0.0)
    package8342 (1.0.0)
    package8343 (1.0.0)
    package8344 (1.0.0)
    package8345 (1.0.0)
    package8346 (1.0.0)
    package8347 (1.0.0)
    package8348 (1.0.0)
    package8349 (1.0.0)
    package8350 (1.0.0)
    package8351 (1.0.0)
    package8352 (1.0.0)
    package8353 (1.0.0)
    package8354 (1.0.0)
    package8355 (1.0.0)
    package8356 (1.0.0)
    package8357 (1.0.0)
    package8358 (1.0.0)
    package8359 (1.0.0)
    package8360 (1.0.0)
    package8361 (1.0.0)
    package8362 (1.0.0)
    package8363 (1.0.0)
    package8364 (1.0.0)
    package8365 (1.0.0)
    package8366 (1.0.0)
    package8367 (1.0.0)
    package8368 (1.0.0)
    package8369 (1.0.0)
    package8370 (1.0.0)
    package8371 (1.0.0)
    package8372 (1.0.0)
    package8373 (1.0.0)
    package8374 (1.0.0)
    package8375 (1.0.0)
    package8376 (1.0.0)
    package8377 (1.0.0)
    package8378 (1.0.0)
    package8379 (1.0.0)
    package8380 (1.0.0)
    package8381 (1.0.0)
    package8382 (1.0.0)
    package8383 (1.0.0)
    package8384 (1.0.0)
    package8385 (1.0.0)
    package8386 (1.0.0)
    package8387 (1.0.0)
    package8388 (1.0.0)
    package8389 (1.0.0)
    package8390 (1.0.0)
    package8391 (1.0.0)
    package8392 (1.0.0)
    package8393 (1.0.0)
    package8394 (1.0.0)
    package8395 (1.0.0)
    package8396 (1.0.0)
    package8397 (1.0.0)
    package8398 (1.0.0)
    package8399 (1.0.0)
    package8400 (1.0.0)
    package8401 (1.0.0)
    package8402 (1.0.0)
    package8403 (1.0.0)
    package8404 (1.0.0)
    package8405 (1.0.0)
    package8406 (1.0.0)
    package8407 (1.0.0)
    package8408 (1.0.0)
    package8409 (1.0.0)
    package8410 (1.0.0)
    package8411 (1.0.0)
    package8412 (1.0.0)
    package8413 (1.0.0)
    package8414 (1.0.0)
    package8415 (1.0.0)
    package8416 (1.0.0)
    package8417 (1.0.0)
    package8418 (1.0.0)
    package8419 (1.0.0)
    package8420 (1.0.0)
    package8421 (1.0.0)
    package8422 (1.0.0)
    package8423 (1.0.0)
    package8424 (1.0.0)
    package8425 (1.0.0)
    package8426 (1.0.0)
    package8427 (1.0.0)
    package8428 (1.0.0)
    package8429 (1.0.0)
    package8430 (1.0.0)
    package8431 (1.0.0)
    package8432 (1.0.0)
    package8433 (1.0.0)
    package8434 (1.0.0)
    package8435 (1.0.0)
    package8436 (1.0.0)
    package8437 (1.0.0)
    package8438 (1.0.0)
    package8439 (1.0.0)
    package8440 (1.0.0)
    package8441 (1.0.0)
    package8442 (1.0.0)
    package8443 (1.0.0)
    package8444 (1.0.0)
    package8445 (1.0.0)
    package8446 (1.0.0)
    package8447 (1.0.0)
    package8448 (1.0.0)
    package8449 (1.0.0)
    package8450 (1.0.0)
    package8451 (1.0.0)
    package8452 (1.0.0)
    package8453 (1.0.0)
    package8454 (1.0.0)
    package8455 (1.0.0)
    package8456 (1.0.0)
    package8457 (1.0.0)
    package8458 (1.0.0)
    package8459 (1.0.0)
    package8460 (1.0.0)
    package8461 (1.0.0)
    package8462 (1.0.0)
    package8463 (1.0.0)
    package8464 (1.0.0)
    package8465 (1.0.0)
    package8466 (1.0.0)
    package8467 (1.0.0)
    package8468 (1.0.0)
    package8469 (1.0.0)
    package8470 (1.0.0)
    package8471 (1.0.0)
    package8472 (1.0.0)
    package8473 (1.0.0)
    package8474 (1.0.0)
    package8475 (1.0.0)
    package8476 (1.0.0)
    package8477 (1.0.0)
    package8478 (1.0.0)
    package8479 (1.0.0)
    package8480 (1.0.0)
    package8481 (1.0.0)
    package8482 (1.0.0)
    package8483 (1.0.0)
    package8484 (1.0.0)
    package8485 (1.0.0)
    package8486 (1.0.0)
    package8487 (1.0.0)
    package8488 (1.0.0)
    package8489 (1.0.0)
    package8490 (1.0.0)
    package8491 (1.0.0)
    package8492 (1.0.0)
    package8493 (1.0.0)
    package8494 (1.0.0)
    package8495 (1.0.0)
    package8496 (1.0.0)
    package8497 (1.0.0)
    package8498 (1.0.0)
    package8499 (1.0.0)
    package8500 (1.0.0)
    package8501 (1.0.0)
    package8502 (1.0.0)
    package8503 (1.0.0)
    package8504 (1.0.0)
    package8505 (1.0.0)
    package8506 (1.0.0)
    package8507 (1.0.0)
    package8508 (1.0.0)
    package8509 (1.0.0)
    package8510 (1.0.0)
    package8511 (1.0.0)
    package8512 (1.0.0)
    package8513 (1.0.0)
    package8514 (1.0.0)
    package8515 (1.0.0)
    package8516 (1.0.0)
    package8517 (1.0.0)
    package8518 (1.0.0)
    package8519 (1.0.0)
    package8520 (1.0.0)
    package8521 (1.0.0)
    package8522 (1.0.0)
    package8523 (1.0.0)
    package8524 (1.0.0)
    package8525 (1.0.0)
    package8526 (1.0.0)
    package8527 (1.0.0)
    package8528 (1.0.0)
    package8529 (1.0.0)
    package8530 (1.0.0)
    package8531 (1.0.0)
    package8532 (1.0.0)
    package8533 (1.0.0)
    package8534 (1.0.0)
    package8535 (1.0.0)
    package8536 (1.0.0)
    package8537 (1.0.0)
    package8538 (1.0.0)
    package8539 (1.0.0)
    package8540 (1.0.0)
    package8541 (1.0.0)
    package8542 (1.0.0)
    package8543 (1.0.0)
    package8544 (1.0.0)
    package8545 (1.0.0)
    package8546 (1.0.0)
    package8547 (1.0.0)
    package8548 (1.0.0)
    package8549 (1.0.0)
    package8550 (1.0.0)
    package8551 (1.0.0)
    package8552 (1.0.0)
    package8553 (1.0.0)
    package8554 (1.0.0)
    package8555 (1.0.0)
    package8556 (1.0.0)
    package8557 (1.0.0)
    package8558 (1.0.0)
    package8559 (1.0.0)
    package8560 (1.0.0)
    package8561 (1.0.0)
    package8562 (1.0.0)
    package8563 (1.0.0)
    package8564 (1.0.0)
    package8565 (1.0.0)
    package8566 (1.0.0)
    package8567 (1.0.0)
    package8568 (1.0.0)
    package8569 (1.0.0)
    package8570 (1.0.0)
    package8571 (1.0.0)
    package8572 (1.0.0)
    package8573 (1.0.0)
    package8574 (1.0.0)
    package8575 (1.0.0)
    package8576 (1.0.0)
    package8577 (1.0.0)
    package8578 (1.0.0)
    package8579 (1.0.0)
    package8580 (1.0.0)
    package8581 (1.0.0)
    package8582 (1.0.0)
    package8583 (1.0.0)
    package8584 (1.0.0)
    package8585 (1.0.0)
    package8586 (1.0.0)
    package8587 (1.0.0)
    package8588 (1.0.0)
    package8589 (1.0.0)
    package8590 (1.0.0)
    package8591 (1.0.0)
    package8592 (1.0.0)
    package8593 (1.0.0)
    package8594 (1.0.0)
    package8595 (1.0.0)
    package8596 (1.0.0)
    package8597 (1.0.0)
    package8598 (1.0.0)
    package8599 (1.0.0)
    package8600 (1.0.0)
    package8601 (1.0.0)
    package8602 (1.0.0)
    package8603 (1.0.0)
    package8604 (1.0.0)
    package8605 (1.0.0)
    package8606 (1.0.0)
    package8607 (1.0.0)
    package8608 (1.0.0)
    package8609 (1.0.0)
    package8610 (1.0.0)
    package8611 (1.0.0)
    package8612 (1.0.0)
    package8613 (1.0.0)
    package8614 (1.0.0)
    package8615 (1.0.0)
    package8616 (1.0.0)
    package8617 (1.0.0)
    package8618 (1.0.0)
    package8619 (1.0.0)
    package8620 (1.0.0)
    package8621 (1.0.0)
    package8622 (1.0.0)
    package8623 (1.0.0)
    package8624 (1.0.0)
    package8625 (1.0.0)
    package8626 (1.0.0)
    package8627 (1.0.0)
    package8628 (1.0.0)
    package8629 (1.0.0)
    package8630 (1.0.0)
    package8631 (1.0.0)
    package8632 (1.0.0)
    package8633 (1.0.0)
    package8634 (1.0.0)
    package8635 (1.0.0)
    package8636 (1.0.0)
    package8637 (1.0.0)
    package8638 (1.0.0)
    package8639 (1.0.0)
    package8640 (1.0.0)
    package8641 (1.0.0)
    package8642 (1.0.0)
    package8643 (1.0.0)
    package8644 (1.0.0)
    package8645 (1.0.0)
    package8646 (1.0.0)
    package8647 (1.0.0)
    package8648 (1.0.0)
    package8649 (1.0.0)
    package8650 (1.0.0)
    package8651 (1.0.0)
    package8652 (1.0.0)
    package8653 (1.0.0)
    package8654 (1.0.0)
    package8655 (1.0.0)
    package8656 (1.0.0)
    package8657 (1.0.0)
    package8658 (1.0.0)
    package8659 (1.0.0)
    package8660 (1.0.0)
    package8661 (1.0.0)
    package8662 (1.0.0)
    package8663 (1.0.0)
    package8664 (1.0.0)
    package8665 (1.0.0)
    package8666 (1.0.0)
    package8667 (1.0.0)
    package8668 (1.0.0)
    package8669 (1.0.0)
    package8670 (1.0.0)
    package8671 (1.0.0)
    package8672 (1.0.0)
    package8673 (1.0.0)
    package8674 (1.0.0)
    package8675 (1.0.0)
    package8676 (1.0.0)
    package8677 (1.0.0)
    package8678 (1.0.0)
    package8679 (1.0.0)
    package8680 (1.0.0)
    package8681 (1.0.0)
    package8682 (1.0.0)
    package8683 (1.0.0)
    package8684 (1.0.0)
    package8685 (1.0.0)
    package8686 (1.0.0)
    package8687 (1.0.0)
    package8688 (1.0.0)
    package8689 (1.0.0)
    package8690 (1.0.0)
    package8691 (1.0.0)
    package8692 (1.0.0)
    package8693 (1.0.0)
    package8694 (1.0.0)
    package8695 (1.0.0)
    package8696 (1.0.0)
    package8697 (1.0.0)
    package8698 (1.0.0)
    package8699 (1.0.0)
    package8700 (1.0.0)
    package8701 (1.0.0)
    package8702 (1.0.0)
    package8703 (1.0.0)
    package8704 (1.0.0)
    package8705 (1.0.0)
    package8706 (1.0.0)
    package8707 (1.0.0)
    package8708 (1.0.0)
    package8709 (1.0.0)
    package8710 (1.0.0)
    package8711 (1.0.0)
    package8712 (1.0.0)
    package8713 (1.0.0)
    package8714 (1.0.0)
    package8715 (1.0.0)
    package8716 (1.0.0)
    package8717 (1.0.0)
    package8718 (1.0.0)
    package8719 (1.0.0)
    package8720 (1.0.0)
    package8721 (1.0.0)
    package8722 (1.0.0)
    package8723 (1.0.0)
    package8724 (1.0.0)
    package8725 (1.0.0)
    package8726 (1.0.0)
    package8727 (1.0.0)
    package8728 (1.0.0)
    package8729 (1.0.0)
    package8730 (1.0.0)
    package8731 (1.0.0)
    package8732 (1.0.0)
    package8733 (1.0.0)
    package8734 (1.0.0)
    package8735 (1.0.0)
    package8736 (1.0.0)
    package8737 (1.0.0)
    package8738 (1.0.0)
    package8739 (1.0.0)
    package8740 (1.0.0)
    package8741 (1.0.0)
    package8742 (1.0.0)
    package8743 (1.0.0)
    package8744 (1.0.0)
    package8745 (1.0.0)
    package8746 (1.0.0)
    package8747 (1.0.0)
    package8748 (1.0.0)
    package8749 (1.0.0)
    package8750 (1.0.0)
    package8751 (1.0.0)
    package8752 (1.0.0)
    package8753 (1.0.0)
    package8754 (1.0.0)
    package8755 (1.0.0)
    package8756 (1.0.0)
    package8757 (1.0.0)
    package8758 (1.0.0)
    package8759 (1.0.0)
    package8760 (1.0.0)
    package8761 (1.0.0)
    package8762 (1.0.0)
    package8763 (1.0.0)
    package8764 (1.0.0)
    package8765 (1.0.0)
    package8766 (1.0.0)
    package8767 (1.0.0)
    package8768 (1.0.0)
    package8769 (1.0.0)
    package8770 (1.0.0)
    package8771 (1.0.0)
    package8772 (1.0.0)
    package8773 (1.0.0)
    package8774 (1.0.0)
    package8775 (1.0.0)
    package8776 (1.0.0)
    package8777 (1.0.0)
    package8778 (1.0.0)
    package8779 (1.0.0)
    package8780 (1.0.0)
    package8781 (1.0.0)
    package8782 (1.0.0)
    package8783 (1.0.0)
    package8784 (1.0.0)
    package8785 (1.0.0)
    package8786 (1.0.0)
    package8787 (1.0.0)
    package8788 (1.0.0)
    package8789 (1.0.0)
    package8790 (1.0.0)
    package8791 (1.0.0)
    package8792 (1.0.0)
    package8793 (1.0.0)
    package8794 (1.0.0)
    package8795 (1.0.0)
    package8796 (1.0.0)
    package8797 (1.0.0)
    package8798 (1.0.0)
    package8799 (1.0.0)
    package8800 (1.0.0)
    package8801 (1.0.0)
    package8802 (1.0.0)
    package8803 (1.0.0)
    package8804 (1.0.0)
    package8805 (1.0.0)
    package8806 (1.0.0)
    package8807 (1.0.0)
    package8808 (1.0.0)
    package8809 (1.0.0)
    package8810 (1.0.0)
    package8811 (1.0.0)
    package8812 (1.0.0)
    package8813 (1.0.0)
    package8814 (1.0.0)
    package8815 (1.0.0)
    package8816 (1.0.0)
    package8817 (1.0.0)
    package8818 (1.0.0)
    package8819 (1.0.0)
    package8820 (1.0.0)
    package8821 (1.0.0)
    package8822 (1.0.0)
    package8823 (1.0.0)
    package8824 (1.0.0)
    package8825 (1.0.0)
    package8826 (1.0.0)
    package8827 (1.0.0)
    package8828 (1.0.0)
    package8829 (1.0.0)
    package8830 (1.0.0)
    package8831 (1.0.0)
    package8832 (1.0.0)
    package8833 (1.0.0)
    package8834 (1.0.0)
    package8835 (1.0.0)
    package8836 (1.0.0)
    package8837 (1.0.0)
    package8838 (1.0.0)
    package8839 (1.0.0)
    package8840 (1.0.0)
    package8841 (1.0.0)
    package8842 (1.0.0)
    package8843 (1.0.0)
    package8844 (1.0.0)
    package8845 (1.0.0)
    package8846 (1.0.0)
    package8847 (1.0.0)
    package8848 (1.0.0)
    package8849 (1.0.0)
    package8850 (1.0.0)
    package8851 (1.0.0)
    package8852 (1.0.0)
    package8853 (1.0.0)
    package8854 (1.0.0)
    package8855 (1.0.0)
    package8856 (1.0.0)
    package8857 (1.0.0)
    package8858 (1.0.0)
    package8859 (1.0.0)
    package8860 (1.0.0)
    package8861 (1.0.0)
    package8862 (1.0.0)
    package8863 (1.0.0)
    package8864 (1.0.0)
    package8865 (1.0.0)
    package8866 (1.0.0)
    package8867 (1.0.0)
    package8868 (1.0.0)
    package8869 (1.0.0)
    package8870 (1.0.0)
    package8871 (1.0.0)
    package8872 (1.0.0)
    package8873 (1.0.0)
    package8874 (1.0.0)
    package8875 (1.0.0)
    package8876 (1.0.0)
    package8877 (1.0.0)
    package8878 (1.0.0)
    package8879 (1.0.0)
    package8880 (1.0.0)
    package8881 (1.0.0)
    package8882 (1.0.0)
    package8883 (1.0.0)
    package8884 (1.0.0)
    package8885 (1.0.0)
    package8886 (1.0.0)
    package8887 (1.0.0)
    package8888 (1.0.0)
    package8889 (1.0.0)
    package8890 (1.0.0)
    package8891 (1.0.0)
    package8892 (1.0.0)
    package8893 (1.0.0)
    package8894 (1.0.0)
    package8895 (1.0.0)
    package8896 (1.0.0)
    package8897 (1.0.0)
    package8898 (1.0.0)
    package8899 (1.0.0)
    package8900 (1.0.0)
    package8901 (1.0.0)
    package8902 (1.0.0)
    package8903 (1.0.0)
    package8904 (1.0.0)
    package8905 (1.0.0)
    package8906 (1.0.0)
    package8907 (1.0.0)
    package8908 (1.0.0)
    package8909 (1.0.0)
    package8910 (1.0.0)
    package8911 (1.0.0)
    package8912 (1.0.0)
    package8913 (1.0.0)
    package8914 (1.0.0)
    package8915 (1.0.0)
    package8916 (1.0.0)
    package8917 (1.0.0)
    package8918 (1.0.0)
    package8919 (1.0.0)
    package8920 (1.0.0)
    package8921 (1.0.0)
    package8922 (1.0.0)
    package8923 (1.0.0)
    package8924 (1.0.0)
    package8925 (1.0.0)
    package8926 (1.0.0)
    package8927 (1.0.0)
    package8928 (1.0.0)
    package8929 (1.0.0)
    package8930 (1.0.0)
    package8931 (1.0.0)
    package8932 (1.0.0)
    package8933 (1.0.0)
    package8934 (1.0.0)
    package8935 (1.0.0)
    package8936 (1.0.0)
    package8937 (1.0.0)
    package8938 (1.0.0)
    package8939 (1.0.0)
    package8940 (1.0.0)
    package8941 (1.0.0)
    package8942 (1.0.0)
    package8943 (1.0.0)
    package8944 (1.0.0)
    package8945 (1.0.0)
    package8946 (1.0.0)
    package8947 (1.0.0)
    package8948 (1.0.0)
    package8949 (1.0.0)
    package8950 (1.0.0)
    package8951 (1.0.0)
    package8952 (1.0.0)
    package8953 (1.0.0)
    package8954 (1.0.0)
    package8955 (1.0.0)
    package8956 (1.0.0)
    package8957 (1.0.0)
    package8958 (1.0.0)
    package8959 (1.0.0)
    package8960 (1.0.0)
    package8961 (1.0.0)
    package8962 (1.0.0)
    package8963 (1.0.0)
    package8964 (1.0.0)
    package8965 (1.0.0)
    package8966 (1.0.0)
    package8967 (1.0.0)
    package8968 (1.0.0)
    package8969 (1.0.0)
    package8970 (1.0.0)
    package8971 (1.0.0)
    package8972 (1.0.0)
    package8973 (1.0.0)
    package8974 (1.0.0)
    package8975 (1.0.0)
    package8976 (1.0.0)
    package8977 (1.0.0)
    package8978 (1.0.0)
    package8979 (1.0.0)
    package8980 (1.0.0)
    package8981 (1.0.0)
    package8982 (1.0.0)
    package8983 (1.0.0)
    package8984 (1.0.0)
    package8985 (1.0.0)
    package8986 (1.0.0)
    package8987 (1.0.0)
    package8988 (1.0.0)
    package8989 (1.0.0)
    package8990 (1.0.0)
    package8991 (1.0.0)
    package8992 (1.0.0)
    package8993 (1.0.0)
    package8994 (1.0.0)
    package8995 (1.0.0)
    package8996 (1.0.0)
    package8997 (1.0.0)
    package8998 (1.0.0)
    package8999 (1.0.0)
    package9000 (1.0.0)
    package9001 (1.0.0)
    package9002 (1.0.0)
    package9003 (1.0.0)
    package9004 (1.0.0)
    package9005 (1.0.0)
    package9006 (1.0.0)
    package9007 (1.0.0)
    package9008 (1.0.0)
    package9009 (1.0.0)
    package9010 (1.0.0)
    package9011 (1.0.0)
    package9012 (1.0.0)
    package9013 (1.0.0)
    package9014 (1.0.0)
    package9015 (1.0.0)
    package9016 (1.0.0)
    package9017 (1.0.0)
    package9018 (1.0.0)
    package9019 (1.0.0)
    package9020 (1.0.0)
    package9021 (1.0.0)
    package9022 (1.0.0)
    package9023 (1.0.0)
    package9024 (1.0.0)
    package9025 (1.0.0)
    package9026 (1.0.0)
    package9027 (1.0.0)
    package9028 (1.0.0)
    package9029 (1.0.0)
    package9030 (1.0.0)
    package9031 (1.0.0)
    package9032 (1.0.0)
    package9033 (1.0.0)
    package9034 (1.0.0)
    package9035 (1.0.0)
    package9036 (1.0.0)
    package9037 (1.0.0)
    package9038 (1.0.0)
    package9039 (1.0.0)
    package9040 (1.0.0)
    package9041 (1.0.0)
    package9042 (1.0.0)
    package9043 (1.0.0)
    package9044 (1.0.0)
    package9045 (1.0.0)
    package9046 (1.0.0)
    package9047 (1.0.0)
    package9048 (1.0.0)
    package9049 (1.0.0)
    package9050 (1.0.0)
    package9051 (1.0.0)
    package9052 (1.0.0)
    package9053 (1.0.0)
    package9054 (1.0.0)
    package9055 (1.0.0)
    package9056 (1.0.0)
    package9057 (1.0.0)
    package9058 (1.0.0)
    package9059 (1.0.0)
    package9060 (1.0.0)
    package9061 (1.0.0)
    package9062 (1.0.0)
    package9063 (1.0.0)
    package9064 (1.0.0)
    package9065 (1.0.0)
    package9066 (1.0.0)
    package9067 (1.0.0)
    package9068 (1.0.0)
    package9069 (1.0.0)
    package9070 (1.0.0)
    package9071 (1.0.0)
    package9072 (1.0.0)
    package9073 (1.0.0)
    package9074 (1.0.0)
    package9075 (1.0.0)
    package9076 (1.0.0)
    package9077 (1.0.0)
    package9078 (1.0.0)
    package9079 (1.0.0)
    package9080 (1.0.0)
    package9081 (1.0.0)
    package9082 (1.0.0)
    package9083 (1.0.0)
    package9084 (1.0.0)
    package9085 (1.0.0)
    package9086 (1.0.0)
    package9087 (1.0.0)
    package9088 (1.0.0)
    package9089 (1.0.0)
    package9090 (1.0.0)
    package9091 (1.0.0)
    package9092 (1.0.0)
    package9093 (1.0.0)
    package9094 (1.0.0)
    package9095 (1.0.0)
    package9096 (1.0.0)
    package9097 (1.0.0)
    package9098 (1.0.0)
    package9099 (1.0.0)
    package9100 (1.0.0)
    package9101 (1.0.0)
    package9102 (1.0.0)
    package9103 (1.0.0)
    package9104 (1.0.0)
    package9105 (1.0.0)
    package9106 (1.0.0)
    package9107 (1.0.0)
    package9108 (1.0.0)
    package9109 (1.0.0)
    package9110 (1.0.0)
    package9111 (1.0.0)
    package9112 (1.0.0)
    package9113 (1.0.0)
    package9114 (1.0.0)
    package9115 (1.0.0)
    package9116 (1.0.0)
    package9117 (1.0.0)
    package9118 (1.0.0)
    package9119 (1.0.0)
    package9120 (1.0.0)
    package9121 (1.0.0)
    package9122 (1.0.0)
    package9123 (1.0.0)
    package9124 (1.0.0)
    package9125 (1.0.0)
    package9126 (1.0.0)
    package9127 (1.0.0)
    package9128 (1.0.0)
    package9129 (1.0.0)
    package9130 (1.0.0)
    package9131 (1.0.0)
    package9132 (1.0.0)
    package9133 (1.0.0)
    package9134 (1.0.0)
    package9135 (1.0.0)
    package9136 (1.0.0)
    package9137 (1.0.0)
    package9138 (1.0.0)
    package9139 (1.0.0)
    package9140 (1.0.0)
    package9141 (1.0.0)
    package9142 (1.0.0)
    package9143 (1.0.0)
    package9144 (1.0.0)
    package9145 (1.0.0)
    package9146 (1.0.0)
    package9147 (1.0.0)
    package9148 (1.0.0)
    package9149 (1.0.0)
    package9150 (1.0.0)
    package9151 (1.0.0)
    package9152 (1.0.0)
    package9153 (1.0.0)
    package9154 (1.0.0)
    package9155 (1.0.0)
    package9156 (1.0.0)
    package9157 (1.0.0)
    package9158 (1.0.0)
    package9159 (1.0.0)
    package9160 (1.0.0)
    package9161 (1.0.0)
    package9162 (1.0.0)
    package9163 (1.0.0)
    package9164 (1.0.0)
    package9165 (1.0.0)
    package9166 (1.0.0)
    package9167 (1.0.0)
    package9168 (1.0.0)
    package9169 (1.0.0)
    package9170 (1.0.0)
    package9171 (1.0.0)
    package9172 (1.0.0)
    package9173 (1.0.0)
    package9174 (1.0.0)
    package9175 (1.0.0)
    package9176 (1.0.0)
    package9177 (1.0.0)
    package9178 (1.0.0)
    package9179 (1.0.0)
    package9180 (1.0.0)
    package9181 (1.0.0)
    package9182 (1.0.0)
    package9183 (1.0.0)
    package9184 (1.0.0)
    package9185 (1.0.0)
    package9186 (1.0.0)
    package9187 (1.0.0)
    package9188 (1.0.0)
    package9189 (1.0.0)
    package9190 (1.0.0)
    package9191 (1.0.0)
    package9192 (1.0.0)
    package9193 (1.0.0)
    package9194 (1.0.0)
    package9195 (1.0.0)
    package9196 (1.0.0)
    package9197 (1.0.0)
    package9198 (1.0.0)
    package9199 (1.0.0)
    package9200 (1.0.0)
    package9201 (1.0.0)
    package9202 (1.0.0)
    package9203 (1.0.0)
    package9204 (1.0.0)
    package9205 (1.0.0)
    package9206 (1.0.0)
    package9207 (1.0.0)
    package9208 (1.0.0)
    package9209 (1.0.0)
    package9210 (1.0.0)
    package9211 (1.0.0)
    package9212 (1.0.0)
    package9213 (1.0.0)
    package9214 (1.0.0)
    package9215 (1.0.0)
    package9216 (1.0.0)
    package9217 (1.0.0)
    package9218 (1.0.0)
    package9219 (1.0.0)
    package9220 (1.0.0)
    package9221 (1.0.0)
    package9222 (1.0.0)
    package9223 (1.0.0)
    package9224 (1.0.0)
    package9225 (1.0.0)
    package9226 (1.0.0)
    package9227 (1.0.0)
    package9228 (1.0.0)
    package9229 (1.0.0)
    package9230 (1.0.0)
    package9231 (1.0.0)
    package9232 (1.0.0)
    package9233 (1.0.0)
    package9234 (1.0.0)
    package9235 (1.0.0)
    package9236 (1.0.0)
    package9237 (1.0.0)
    package9238 (1.0.0)
    package9239 (1.0.0)
    package9240 (1.0.0)
    package9241 (1.0.0)
    package9242 (1.0.0)
    package9243 (1.0.0)
    package9244 (1.0.0)
    package9245 (1.0.0)
    package9246 (1.0.0)
    package9247 (1.0.0)
    package9248 (1.0.0)
    package9249 (1.0.0)
    package9250 (1.0.0)
    package9251 (1.0.0)
    package9252 (1.0.0)
    package9253 (1.0.0)
    package9254 (1.0.0)
    package9255 (1.0.0)
    package9256 (1.0.0)
    package9257 (1.0.0)
    package9258 (1.0.0)
    package9259 (1.0.0)
    package9260 (1.0.0)
    package9261 (1.0.0)
    package9262 (1.0.0)
    package9263 (1.0.0)
    package9264 (1.0.0)
    package9265 (1.0.0)
    package9266 (1.0.0)
    package9267 (1.0.0)
    package9268 (1.0.0)
    package9269 (1.0.0)
    package9270 (1.0.0)
    package9271 (1.0.0)
    package9272 (1.0.0)
    package9273 (1.0.0)
    package9274 (1.0.0)
    package9275 (1.0.0)
    package9276 (1.0.0)
    package9277 (1.0.0)
    package9278 (1.0.0)
    package9279 (1.0.0)
    package9280 (1.0.0)
    package9281 (1.0.0)
    package9282 (1.0.0)
    package9283 (1.0.0)
    package9284 (1.0.0)
    package9285 (1.0.0)
    package9286 (1.0.0)
    package9287 (1.0.0)
    package9288 (1.0.0)
    package9289 (1.0.0)
    package9290 (1.0.0)
    package9291 (1.0.0)
    package9292 (1.0.0)
    package9293 (1.0.0)
    package9294 (1.0.0)
    package9295 (1.0.0)
    package9296 (1.0.0)
    package9297 (1.0.0)
    package9298 (1.0.0)
    package9299 (1.0.0)
    package9300 (1.0.0)
    package9301 (1.0.0)
    package9302 (1.0.0)
    package9303 (1.0.0)
    package9304 (1.0.0)
    package9305 (1.0.0)
    package9306 (1.0.0)
    package9307 (1.0.0)
    package9308 (1.0.0)
    package9309 (1.0.0)
    package9310 (1.0.0)
    package9311 (1.0.0)
    package9312 (1.0.0)
    package9313 (1.0.0)
    package9314 (1.0.0)
    package9315 (1.0.0)
    package9316 (1.0.0)
    package9317 (1.0.0)
    package9318 (1.0.0)
    package9319 (1.0.0)
    package9320 (1.0.0)
    package9321 (1.0.0)
    package9322 (1.0.0)
    package9323 (1.0.0)
    package9324 (1.0.0)
    package9325 (1.0.0)
    package9326 (1.0.0)
    package9327 (1.0.0)
    package9328 (1.0.0)
    package9329 (1.0.0)
    package9330 (1.0.0)
    package9331 (1.0.0)
    package9332 (1.0.0)
    package9333 (1.0.0)
    package9334 (1.0.0)
    package9335 (1.0.0)
    package9336 (1.0.0)
    package9337 (1.0.0)
    package9338 (1.0.0)
    package9339 (1.0.0)
    package9340 (1.0.0)
    package9341 (1.0.0)
    package9342 (1.0.0)
    package9343 (1.0.0)
    package9344 (1.0.0)
    package9345 (1.0.0)
    package9346 (1.0.0)
    package9347 (1.0.0)
    package9348 (1.0.0)
    package9349 (1.0.0)
    package9350 (1.0.0)
    package9351 (1.0.0)
    package9352 (1.0.0)
    package9353 (1.0.0)
    package9354 (1.0.0)
    package9355 (1.0.0)
    package9356 (1.0.0)
    package9357 (1.0.0)
    package9358 (1.0.0)
    package9359 (1.0.0)
    package9360 (1.0.0)
    package9361 (1.0.0)
    package9362 (1.0.0)
    package9363 (1.0.0)
    package9364 (1.0.0)
    package9365 (1.0.0)
    package9366 (1.0.0)
    package9367 (1.0.0)
    package9368 (1.0.0)
    package9369 (1.0.0)
    package9370 (1.0.0)
    package9371 (1.0.0)
    package9372 (1.0.0)
    package9373 (1.0.0)
    package9374 (1.0.0)
    package9375 (1.0.0)
    package9376 (1.0.0)
    package9377 (1.0.0)
    package9378 (1.0.0)
    package9379 (1.0.0)
    package9380 (1.0.0)
    package9381 (1.0.0)
    package9382 (1.0.0)
    package9383 (1.0.0)
    package9384 (1.0.0)
    package9385 (1.0.0)
    package9386 (1.0.0)
    package9387 (1.0.0)
    package9388 (1.0.0)
    package9389 (1.0.0)
    package9390 (1.0.0)
    package9391 (1.0.0)
    package9392 (1.0.0)
    package9393 (1.0.0)
    package9394 (1.0.0)
    package9395 (1.0.0)
    package9396 (1.0.0)
    package9397 (1.0.0)
    package9398 (1.0.0)
    package9399 (1.0.0)
    package9400 (1.0.0)
    package9401 (1.0.0)
    package9402 (1.0.0)
    package9403 (1.0.0)
    package9404 (1.0.0)
    package9405 (1.0.0)
    package9406 (1.0.0)
    package9407 (1.0.0)
    package9408 (1.0.0)
    package9409 (1.0.0)
    package9410 (1.0.0)
    package9411 (1.0.0)
    package9412 (1.0.0)
    package9413 (1.0.0)
    package9414 (1.0.0)
    package9415 (1.0.0)
    package9416 (1.0.0)
    package9417 (1.0.0)
    package9418 (1.0.0)
    package9419 (1.0.0)
    package9420 (1.0.0)
    package9421 (1.0.0)
    package9422 (1.0.0)
    package9423 (1.0.0)
    package9424 (1.0.0)
    package9425 (1.0.0)
    package9426 (1.0.0)
    package9427 (1.0.0)
    package9428 (1.0.0)
    package9429 (1.0.0)
    package9430 (1.0.0)
    package9431 (1.0.0)
    package9432 (1.0.0)
    package9433 (1.0.0)
    package9434 (1.0.0)
    package9435 (1.0.0)
    package9436 (1.0.0)
    package9437 (1.0.0)
    package9438 (1.0.0)
    package9439 (1.0.0)
    package9440 (1.0.0)
    package9441 (1.0.0)
    package9442 (1.0.0)
    package9443 (1.0.0)
    package9444 (1.0.0)
    package9445 (1.0.0)
    package9446 (1.0.0)
    package9447 (1.0.0)
    package9448 (1.0.0)
    package9449 (1.0.0)
    package9450 (1.0.0)
    package9451 (1.0.0)
    package9452 (1.0.0)
    package9453 (1.0.0)
    package9454 (1.0.0)
    package9455 (1.0.0)
    package9456 (1.0.0)
    package9457 (1.0.0)
    package9458 (1.0.0)
    package9459 (1.0.0)
    package9460 (1.0.0)
    package9461 (1.0.0)
    package9462 (1.0.0)
    package9463 (1.0.0)
    package9464 (1.0.0)
    package9465 (1.0.0)
    package9466 (1.0.0)
    package9467 (1.0.0)
    package9468 (1.0.0)
    package9469 (1.0.0)
    package9470 (1.0.0)
    package9471 (1.0.0)
    package9472 (1.0.0)
    package9473 (1.0.0)
    package9474 (1.0.0)
    package9475 (1.0.0)
    package9476 (1.0.0)
    package9477 (1.0.0)
    package9478 (1.0.0)
    package9479 (1.0.0)
    package9480 (1.0.0)
    package9481 (1.0.0)
    package9482 (1.0.0)
    package9483 (1.0.0)
    package9484 (1.0.0)
    package9485 (1.0.0)
    package9486 (1.0.0)
    package9487 (1.0.0)
    package9488 (1.0.0)
    package9489 (1.0.0)
    package9490 (1.0.0)
    package9491 (1.0.0)
    package9492 (1.0.0)
    package9493 (1.0.0)
    package9494 (1.0.0)
    package9495 (1.0.0)
    package9496 (1.0.0)
    package9497 (1.0.0)
    package9498 (1.0.0)
    package9499 (1.0.0)
    package9500 (1.0.0)
    package9501 (1.0.0)
    package9502 (1.0.0)
    package9503 (1.0.0)
    package9504 (1.0.0)
    package9505 (1.0.0)
    package9506 (1.0.0)
    package9507 (1.0.0)
    package9508 (1.0.0)
    package9509 (1.0.0)
    package9510 (1.0.0)
    package9511 (1.0.0)
    package9512 (1.0.0)
    package9513 (1.0.0)
    package9514 (1.0.0)
    package9515 (1.0.0)
    package9516 (1.0.0)
    package9517 (1.0.0)
    package9518 (1.0.0)
    package9519 (1.0.0)
    package9520 (1.0.0)
    package9521 (1.0.0)
    package9522 (1.0.0)
    package9523 (1.0.0)
    package9524 (1.0.0)
    package9525 (1.0.0)
    package9526 (1.0.0)
    package9527 (1.0.0)
    package9528 (1.0.0)
    package9529 (1.0.0)
    package9530 (1.0.0)
    package9531 (1.0.0)
    package9532 (1.0.0)
    package9533 (1.0.0)
    package9534 (1.0.0)
    package9535 (1.0.0)
    package9536 (1.0.0)
    package9537 (1.0.0)
    package9538 (1.0.0)
    package9539 (1.0.0)
    package9540 (1.0.0)
    package9541 (1.0.0)
    package9542 (1.0.0)
    package9543 (1.0.0)
    package9544 (1.0.0)
    package9545 (1.0.0)
    package9546 (1.0.0)
    package9547 (1.0.0)
    package9548 (1.0.0)
    package9549 (1.0.0)
    package9550 (1.0.0)
    package9551 (1.0.0)
    package9552 (1.0.0)
    package9553 (1.0.0)
    package9554 (1.0.0)
    package9555 (1.0.0)
    package9556 (1.0.0)
    package9557 (1.0.0)
    package9558 (1.0.0)
    package9559 (1.0.0)
    package9560 (1.0.0)
    package9561 (1.0.0)
    package9562 (1.0.0)
    package9563 (1.0.0)
    package9564 (1.0.0)
    package9565 (1.0.0)
    package9566 (1.0.0)
    package9567 (1.0.0)
    package9568 (1.0.0)
    package9569 (1.0.0)
    package9570 (1.0.0)
    package9571 (1.0.0)
    package9572 (1.0.0)
    package9573 (1.0.0)
    package9574 (1.0.0)
    package9575 (1.0.0)
    package9576 (1.0.0)
    package9577 (1.0.0)
    package9578 (1.0.0)
    package9579 (1.0.0)
    package9580 (1.0.0)
    package9581 (1.0.0)
    package9582 (1.0.0)
    package9583 (1.0.0)
    package9584 (1.0.0)
    package9585 (1.0.0)
    package9586 (1.0.0)
    package9587 (1.0.0)
    package9588 (1.0.0)
    package9589 (1.0.0)
    package9590 (1.0.0)
    package9591 (1.0.0)
    package9592 (1.0.0)
    package9593 (1.0.0)
    package9594 (1.0.0)
    package9595 (1.0.0)
    package9596 (1.0.0)
    package9597 (1.0.0)
    package9598 (1.0.0)
    package9599 (1.0.0)
    package9600 (1.0.0)
    package9601 (1.0.0)
    package9602 (1.0.0)
    package9603 (1.0.0)
    package9604 (1.0.0)
    package9605 (1.0.0)
    package9606 (1.0.0)
    package9607 (1.0.0)
    package9608 (1.0.0)
    package9609 (1.0.0)
    package9610 (1.0.0)
    package9611 (1.0.0)
    package9612 (1.0.0)
    package9613 (1.0.0)
    package9614 (1.0.0)
    package9615 (1.0.0)
    package9616 (1.0.0)
    package9617 (1.0.0)
    package9618 (1.0.0)
    package9619 (1.0.0)
    package9620 (1.0.0)
    package9621 (1.0.0)
    package9622 (1.0.0)
    package9623 (1.0.0)
    package9624 (1.0.0)
    package9625 (1.0.0)
    package9626 (1.0.0)
    package9627 (1.0.0)
    package9628 (1.0.0)
    package9629 (1.0.0)
    package9630 (1.0.0)
    package9631 (1.0.0)
    package9632 (1.0.0)
    package9633 (1.0.0)
    package9634 (1.0.0)
    package9635 (1.0.0)
    package9636 (1.0.0)
    package9637 (1.0.0)
    package9638 (1.0.0)
    package9639 (1.0.0)
    package9640 (1.0.0)
    package9641 (1.0.0)
    package9642 (1.0.0)
    package9643 (1.0.0)
    package9644 (1.0.0)
    package9645 (1.0.0)
    package9646 (1.0.0)
    package9647 (1.0.0)
    package9648 (1.0.0)
    package9649 (1.0.0)
    package9650 (1.0.0)
    package9651 (1.0.0)
    package9652 (1.0.0)
    package9653 (1.0.0)
    package9654 (1.0.0)
    package9655 (1.0.0)
    package9656 (1.0.0)
    package9657 (1.0.0)
    package9658 (1.0.0)
    package9659 (1.0.0)
    package9660 (1.0.0)
    package9661 (1.0.0)
    package9662 (1.0.0)
    package9663 (1.0.0)
    package9664 (1.0.0)
    package9665 (1.0.0)
    package9666 (1.0.0)
    package9667 (1.0.0)
    package9668 (1.0.0)
    package9669 (1.0.0)
    package9670 (1.0.0)
    package9671 (1.0.0)
    package9672 (1.0.0)
    package9673 (1.0.0)
    package9674 (1.0.0)
    package9675 (1.0.0)
    package9676 (1.0.0)
    package9677 (1.0.0)
    package9678 (1.0.0)
    package9679 (1.0.0)
    package9680 (1.0.0)
    package9681 (1.0.0)
    package9682 (1.0.0)
    package9683 (1.0.0)
    package9684 (1.0.0)
    package9685 (1.0.0)
    package9686 (1.0.0)
    package9687 (1.0.0)
    package9688 (1.0.0)
    package9689 (1.0.0)
    package9690 (1.0.0)
    package9691 (1.0.0)
    package9692 (1.0.0)
    package9693 (1.0.0)
    package9694 (1.0.0)
    package9695 (1.0.0)
    package9696 (1.0.0)
    package9697 (1.0.0)
    package9698 (1.0.0)
    package9699 (1.0.0)
    package9700 (1.0.0)
    package9701 (1.0.0)
    package9702 (1.0.0)
    package9703 (1.0.0)
    package9704 (1.0.0)
    package9705 (1.0.0)
    package9706 (1.0.0)
    package9707 (1.0.0)
    package9708 (1.0.0)
    package9709 (1.0.0)
    package9710 (1.0.0)
    package9711 (1.0.0)
    package9712 (1.0.0)
    package9713 (1.0.0)
    package9714 (1.0.0)
    package9715 (1.0.0)
    package9716 (1.0.0)
    package9717 (1.0.0)
    package9718 (1.0.0)
    package9719 (1.0.0)
    package9720 (1.0.0)
    package9721 (1.0.0)
    package9722 (1.0.0)
    package9723 (1.0.0)
    package9724 (1.0.0)
    package9725 (1.0.0)
    package9726 (1.0.0)
    package9727 (1.0.0)
    package9728 (1.0.0)
    package9729 (1.0.0)
    package9730 (1.0.0)
    package9731 (1.0.0)
    package9732 (1.0.0)
    package9733 (1.0.0)
    package9734 (1.0.0)
    package9735 (1.0.0)
    package9736 (1.0.0)
    package9737 (1.0.0)
    package9738 (1.0.0)
    package9739 (1.0.0)
    package9740 (1.0.0)
    package9741 (1.0.0)
    package9742 (1.0.0)
    package9743 (1.0.0)
    package9744 (1.0.0)
    package9745 (1.0.0)
    package9746 (1.0.0)
    package9747 (1.0.0)
    package9748 (1.0.0)
    package9749 (1.0.0)
    package9750 (1.0.0)
    package9751 (1.0.0)
    package9752 (1.0.0)
    package9753 (1.0.0)
    package9754 (1.0.0)
    package9755 (1.0.0)
    package9756 (1.0.0)
    package9757 (1.0.0)
    package9758 (1.0.0)
    package9759 (1.0.0)
    package9760 (1.0.0)
    package9761 (1.0.0)
    package9762 (1.0.0)
    package9763 (1.0.0)
    package9764 (1.0.0)
    package9765 (1.0.0)
    package9766 (1.0.0)
    package9767 (1.0.0)
    package9768 (1.0.0)
    package9769 (1.0.0)
    package9770 (1.0.0)
    package9771 (1.0.0)
    package9772 (1.0.0)
    package9773 (1.0.0)
    package9774 (1.0.0)
    package9775 (1.0.0)
    package9776 (1.0.0)
    package9777 (1.0.0)
    package9778 (1.0.0)
    package9779 (1.0.0)
    package9780 (1.0.0)
    package9781 (1.0.0)
    package9782 (1.0.0)
    package9783 (1.0.0)
    package9784 (1.0.0)
    package9785 (1.0.0)
    package9786 (1.0.0)
    package9787 (1.0.0)
    package9788 (1.0.0)
    package9789 (1.0.0)
    package9790 (1.0.0)
    package9791 (1.0.0)
    package9792 (1.0.0)
    package9793 (1.0.0)
    package9794 (1.0.0)
    package9795 (1.0.0)
    package9796 (1.0.0)
    package9797 (1.0.0)
    package9798 (1.0.0)
    package9799 (1.0.0)
    package9800 (1.0.0)
    package9801 (1.0.0)
    package9802 (1.0.0)
    package9803 (1.0.0)
    package9804 (1.0.0)
    package9805 (1.0.0)
    package9806 (1.0.0)
    package9807 (1.0.0)
    package9808 (1.0.0)
    package9809 (1.0.0)
    package9810 (1.0.0)
    package9811 (1.0.0)
    package9812 (1.0.0)
    package9813 (1.0.0)
    package9814 (1.0.0)
    package9815 (1.0.0)
    package9816 (1.0.0)
    package9817 (1.0.0)
    package9818 (1.0.0)
    package9819 (1.0.0)
    package9820 (1.0.0)
    package9821 (1.0.0)
    package9822 (1.0.0)
    package9823 (1.0.0)
    package9824 (1.0.0)
    package9825 (1.0.0)
    package9826 (1.0.0)
    package9827 (1.0.0)
    package9828 (1.0.0)
    package9829 (1.0.0)
    package9830 (1.0.0)
    package9831 (1.0.0)
    package9832 (1.0.0)
    package9833 (1.0.0)
    package9834 (1.0.0)
    package9835 (1.0.0)
    package9836 (1.0.0)
    package9837 (1.0.0)
    package9838 (1.0.0)
    package9839 (1.0.0)
    package9840 (1.0.0)
    package9841 (1.0.0)
    package9842 (1.0.0)
    package9843 (1.0.0)
    package9844 (1.0.0)
    package9845 (1.0.0)
    package9846 (1.0.0)
    package9847 (1.0.0)
    package9848 (1.0.0)
    package9849 (1.0.0)
    package9850 (1.0.0)
    package9851 (1.0.0)
    package9852 (1.0.0)
    package9853 (1.0.0)
    package9854 (1.0.0)
    package9855 (1.0.0)
    package9856 (1.0.0)
    package9857 (1.0.0)
    package9858 (1.0.0)
    package9859 (1.0.0)
    package9860 (1.0.0)
    package9861 (1.0.0)
    package9862 (1.0.0)
    package9863 (1.0.0)
    package9864 (1.0.0)
    package9865 (1.0.0)
    package9866 (1.0.0)
    package9867 (1.0.0)
    package9868 (1.0.0)
    package9869 (1.0.0)
    package9870 (1.0.0)
    package9871 (1.0.0)
    package9872 (1.0.0)
    package9873 (1.0.0)
    package9874 (1.0.0)
    package9875 (1.0.0)
    package9876 (1.0.0)
    package9877 (1.0.0)
    package9878 (1.0.0)
    package9879 (1.0.0)
    package9880 (1.0.0)
    package9881 (1.0.0)
    package9882 (1.0.0)
    package9883 (1.0.0)
    package9884 (1.0.0)
    package9885 (1.0.0)
    package9886 (1.0.0)
    package9887 (1.0.0)
    package9888 (1.0.0)
    package9889 (1.0.0)
    package9890 (1.0.0)
    package9891 (1.0.0)
    package9892 (1.0.0)
    package9893 (1.0.0)
    package9894 (1.0.0)
    package9895 (1.0.0)
    package9896 (1.0.0)
    package9897 (1.0.0)
    package9898 (1.0.0)
    package9899 (1.0.0)
    package9900 (1.0.0)
    package9901 (1.0.0)
    package9902 (1.0.0)
    package9903 (1.0.0)
    package9904 (1.0.0)
    package9905 (1.0.0)
    package9906 (1.0.0)
    package9907 (1.0.0)
    package9908 (1.0.0)
    package9909 (1.0.0)
    package9910 (1.0.0)
    package9911 (1.0.0)
    package9912 (1.0.0)
    package9913 (1.0.0)
    package9914 (1.0.0)
    package9915 (1.0.0)
    package9916 (1.0.0)
    package9917 (1.0.0)
    package9918 (1.0.0)
    package9919 (1.0.0)
    package9920 (1.0.0)
    package9921 (1.0.0)
    package9922 (1.0.0)
    package9923 (1.0.0)
    package9924 (1.0.0)
    package9925 (1.0.0)
    package9926 (1.0.0)
    package9927 (1.0.0)
    package9928 (1.0.0)
    package9929 (1.0.0)
    ast (2.4.2)
    coderay (1.1.3)
    concurrent-ruby (1.1.9)
    docile (1.3.2)
    i18n (1.8.11)
      concurrent-ruby (~> 1.0)
    json (2.3.0)
    method_source (1.0.0)
    minitest (5.15.0)
    parallel (1.19.0)
    parser (3.1.0.0)
      ast (~> 2.4.1)
    power_assert (2.0.1)
    pry (0.14.1)
      coderay (~> 1.1)
      method_source (~> 1.0)
    rainbow (3.1.1)
    rake (13.0.6)
    regexp_parser (2.2.0)
    rexml (3.2.5)
    rubocop (1.25.0)
      parallel (~> 1.10)
      parser (>= 3.1.0.0)
      rainbow (>= 2.2.2, < 4.0)
      regexp_parser (>= 1.8, < 3.0)
      rexml
      rubocop-ast (>= 1.15.1, < 2.0)
      ruby-progressbar (~> 1.7)
      unicode-display_width (>= 1.4.0, < 3.0)
    rubocop-ast (1.15.1)
      parser (>= 3.0.1.1)
    ruby-progressbar (1.11.0)
    simplecov (0.17.1)
      docile (~> 1.1)
      json (>= 1.8, < 3)
      simplecov-html (~> 0.10.0)
    simplecov-html (0.10.2)
    test-unit (3.5.3)
      power_assert
    timecop (0.9.4)
    unicode-display_width (2.1.0)
    webrick (1.7.0)
    yard (0.9.27)
      webrick (~> 1.7.0)

PLATFORMS
  ruby

DEPENDENCIES
  faker!
  minitest (= 5.15.0)
  pry (= 0.14.1)
  rake (= 13.0.6)
  rubocop (= 1.25.0)
  simplecov (= 0.17.1, < 0.18)
  test-unit (= 3.5.3)
  timecop (= 0.9.4)
  yard (= 0.9.27)

BUNDLED WITH
   2.1.4